{
  "aor": 0.0005874074074074075,
  "aqi": 0.0030869598765432098,
  "bids_meta": {
    "AcquisitionNumber": 8,
    "BidsifyVersion": "0.3.5",
    "ConversionSoftware": "dcm2niix",
    "ConversionSoftwareVersion": "v1.0.20181125  GCC6.3.0",
    "EchoTime": 0.02762,
    "EffectiveEchoSpacing": 0.0006621159151938905,
    "ImageComments": "piop",
    "ImageOrientationPatientDICOM": [
      0.998127,
      -0.0531174,
      0.0303482,
      0.0591249,
      0.964969,
      -0.255617
    ],
    "Manufacturer": "Philips",
    "NumberOfVolumesDiscardedByScanner": 2,
    "ParallelAcquisitionTechnique": "SENSE",
    "ParallelReductionFactorInPlane": 2,
    "PatientPosition": "HFS",
    "PhaseEncodingDirection": "j",
    "PhilipsRescaleIntercept": 0,
    "PhilipsRescaleSlope": 0.74579,
    "PhilipsScaleSlope": 0.0531262,
    "ProtocolName": "WIPpiopwmSENSE",
    "PulseSequenceType": "gradient echo EPI",
    "ReconMatrixPE": 80,
    "RepetitionTime": 2,
    "SeriesDescription": "ImageMRSERIES",
    "SeriesNumber": 8,
    "SliceEncodingDirection": "k",
    "SliceTiming": [
      0.0,
      0.0541,
      0.1081,
      0.1622,
      0.2162,
      0.2703,
      0.3243,
      0.3784,
      0.4324,
      0.4865,
      0.5405,
      0.5946,
      0.6486,
      0.7027,
      0.7568,
      0.8108,
      0.8649,
      0.9189,
      0.973,
      1.027,
      1.0811,
      1.1351,
      1.1892,
      1.2432,
      1.2973,
      1.3514,
      1.4054,
      1.4595,
      1.5135,
      1.5676,
      1.6216,
      1.6757,
      1.7297,
      1.7838,
      1.8378,
      1.8919,
      1.9459
    ],
    "TaskName": "workingmemory",
    "TotalReadoutTime": 0.025822520692561732,
    "UsePhilipsFloatNotDisplayScaling": 1,
    "acq_id": "seq",
    "dataset": "ds002785",
    "modality": "bold",
    "subject_id": "0127",
    "task_id": "workingmemory"
  },
  "dummy_trs": 0,
  "dvars_nstd": 21.96533813229813,
  "dvars_std": 1.3104734870186339,
  "dvars_vstd": 1.012407662484472,
  "efc": 0.43418994074052114,
  "fber": 191154.765625,
  "fd_mean": 0.09946455232508213,
  "fd_num": 3,
  "fd_perc": 1.8518518518518519,
  "fwhm_avg": 1.7855989982388092,
  "fwhm_x": 1.7383533333333334,
  "fwhm_y": 1.8869466666666668,
  "fwhm_z": 1.7314969947164274,
  "gcor": 0.0340532,
  "gsr_x": -0.01750049740076065,
  "gsr_y": 0.010638734325766563,
  "provenance": {
    "md5sum": "eb1ccb4008c17b3618bced385e6899e8",
    "settings": {
      "fd_thres": 0.2,
      "testing": false
    },
    "software": "mriqc",
    "version": "22.0.0rc1",
    "webapi_port": null,
    "webapi_url": "https://mriqc.nimh.nih.gov/api/v1"
  },
  "size_t": 162,
  "size_x": 80,
  "size_y": 80,
  "size_z": 37,
  "snr": 5.707954059504005,
  "spacing_tr": 2.0,
  "spacing_x": 3.0,
  "spacing_y": 3.0,
  "spacing_z": 3.299999952316284,
  "summary_bg_k": 38.42964982422904,
  "summary_bg_mad": 58.74152969836039,
  "summary_bg_mean": 548.7689208984375,
  "summary_bg_median": 56.46797180175781,
  "summary_bg_n": 157445.0,
  "summary_bg_p05": 2.1210453033447267,
  "summary_bg_p95": 2906.58974609375,
  "summary_bg_stdv": 1730.72119140625,
  "summary_fg_k": 2.25531061752885,
  "summary_fg_mad": 4078.2593654319107,
  "summary_fg_mean": 25815.6953125,
  "summary_fg_median": 25367.2421875,
  "summary_fg_n": 37720.0,
  "summary_fg_p05": 19446.04228515625,
  "summary_fg_p95": 33165.378515625,
  "summary_fg_stdv": 4444.1328125,
  "tsnr": 96.1348876953125
}