{
  "aor": 0.0018770606060606054,
  "aqi": 0.007293543636363636,
  "bids_meta": {
    "AcquisitionNumber": 2,
    "BidsifyVersion": "0.3.5",
    "ConversionSoftware": "dcm2niix",
    "ConversionSoftwareVersion": "v1.0.20181125  GCC6.3.0",
    "EchoTime": 0.02762,
    "EffectiveEchoSpacing": 0.0006333282667071997,
    "ImageComments": "piop",
    "ImageOrientationPatientDICOM": [
      0.998211,
      -0.052166,
      0.0292179,
      0.0568573,
      0.97937,
      -0.193914
    ],
    "Manufacturer": "Philips",
    "NumberOfVolumesDiscardedByScanner": 2,
    "ParallelAcquisitionTechnique": "SENSE",
    "ParallelReductionFactorInPlane": 2,
    "PatientPosition": "HFS",
    "PhaseEncodingDirection": "j",
    "PhilipsRescaleIntercept": 0,
    "PhilipsRescaleSlope": 0.78388,
    "PhilipsScaleSlope": 0.0878802,
    "ProtocolName": "WIPpiopfacesSENSE",
    "PulseSequenceType": "gradient echo EPI",
    "ReconMatrixPE": 80,
    "RepetitionTime": 0.75,
    "SeriesDescription": "ImageMRSERIES",
    "SeriesNumber": 2,
    "SliceEncodingDirection": "k",
    "SliceTiming": [
      0.0,
      0.06755050505050506,
      0.1351010101010101,
      0.20265151515151517,
      0.2702020202020202,
      0.3377525252525253,
      0.40530303030303033,
      0.47285353535353536,
      0.5404040404040404,
      0.6079545454545455,
      0.6755050505050506,
      0.7430555555555556,
      0.0,
      0.06755050505050506,
      0.1351010101010101,
      0.20265151515151517,
      0.2702020202020202,
      0.3377525252525253,
      0.40530303030303033,
      0.47285353535353536,
      0.5404040404040404,
      0.6079545454545455,
      0.6755050505050506,
      0.7430555555555556,
      0.0,
      0.06755050505050506,
      0.1351010101010101,
      0.20265151515151517,
      0.2702020202020202,
      0.3377525252525253,
      0.40530303030303033,
      0.47285353535353536,
      0.5404040404040404,
      0.6079545454545455,
      0.6755050505050506,
      0.7430555555555556
    ],
    "TaskName": "faces",
    "TotalReadoutTime": 0.024699802401580786,
    "UsePhilipsFloatNotDisplayScaling": 1,
    "acq_id": "mb3",
    "dataset": "ds002785",
    "modality": "bold",
    "subject_id": "0127",
    "task_id": "faces"
  },
  "dummy_trs": 0,
  "dvars_nstd": 24.26026872443768,
  "dvars_std": 1.1186592111246199,
  "dvars_vstd": 1.0318929257446816,
  "efc": 0.4389884174176861,
  "fber": 161746.921875,
  "fd_mean": 0.09161224625714587,
  "fd_num": 7,
  "fd_perc": 2.121212121212121,
  "fwhm_avg": 1.9233216249353473,
  "fwhm_x": 1.9004133333333335,
  "fwhm_y": 2.047966666666667,
  "fwhm_z": 1.8215848748060413,
  "gcor": 0.0193478,
  "gsr_x": -0.017727619037032127,
  "gsr_y": 0.010636141523718834,
  "provenance": {
    "md5sum": "6807234689770ad03574a9cbd87742f5",
    "settings": {
      "fd_thres": 0.2,
      "testing": false
    },
    "software": "mriqc",
    "version": "22.0.0rc1",
    "webapi_port": null,
    "webapi_url": "https://mriqc.nimh.nih.gov/api/v1"
  },
  "size_t": 330,
  "size_x": 80,
  "size_y": 80,
  "size_z": 36,
  "snr": 6.251282392506266,
  "spacing_tr": 0.75,
  "spacing_x": 3.0,
  "spacing_y": 3.0,
  "spacing_z": 3.299999952316284,
  "summary_bg_k": 33.68050844501948,
  "summary_bg_mad": 50.90590650380257,
  "summary_bg_mean": 413.771240234375,
  "summary_bg_median": 44.339908599853516,
  "summary_bg_n": 152546.0,
  "summary_bg_p05": 1.7020717859268188,
  "summary_bg_p95": 2099.1455688476562,
  "summary_bg_stdv": 1273.4530029296875,
  "summary_fg_k": 0.5971896095125171,
  "summary_fg_mad": 2879.2916924392457,
  "summary_fg_mean": 18412.208984375,
  "summary_fg_median": 18329.275390625,
  "summary_fg_n": 36905.0,
  "summary_fg_p05": 13772.4783203125,
  "summary_fg_p95": 23257.391406249993,
  "summary_fg_stdv": 2932.042724609375,
  "tsnr": 56.66696548461914
}