{
  "aor": 0.0006755114822546974,
  "aqi": 0.009711554926931106,
  "bids_meta": {
    "AcquisitionNumber": 3,
    "BidsifyVersion": "0.3.5",
    "ConversionSoftware": "dcm2niix",
    "ConversionSoftwareVersion": "v1.0.20181125  GCC6.3.0",
    "EchoTime": 0.02762,
    "EffectiveEchoSpacing": 0.0006333282667071997,
    "ImageComments": "piop",
    "ImageOrientationPatientDICOM": [
      0.998211,
      -0.052166,
      0.0292179,
      0.0568573,
      0.97937,
      -0.193914
    ],
    "Manufacturer": "Philips",
    "NumberOfVolumesDiscardedByScanner": 2,
    "ParallelAcquisitionTechnique": "SENSE",
    "ParallelReductionFactorInPlane": 2,
    "PatientPosition": "HFS",
    "PhaseEncodingDirection": "j",
    "PhilipsRescaleIntercept": 0,
    "PhilipsRescaleSlope": 0.77827,
    "PhilipsScaleSlope": 0.0846369,
    "ProtocolName": "WIPpioprsSENSE",
    "PulseSequenceType": "gradient echo EPI",
    "ReconMatrixPE": 80,
    "RepetitionTime": 0.75,
    "SeriesDescription": "ImageMRSERIES",
    "SeriesNumber": 3,
    "SliceEncodingDirection": "k",
    "SliceTiming": [
      0.0,
      0.06755050505050506,
      0.1351010101010101,
      0.20265151515151517,
      0.2702020202020202,
      0.3377525252525253,
      0.40530303030303033,
      0.47285353535353536,
      0.5404040404040404,
      0.6079545454545455,
      0.6755050505050506,
      0.7430555555555556,
      0.0,
      0.06755050505050506,
      0.1351010101010101,
      0.20265151515151517,
      0.2702020202020202,
      0.3377525252525253,
      0.40530303030303033,
      0.47285353535353536,
      0.5404040404040404,
      0.6079545454545455,
      0.6755050505050506,
      0.7430555555555556,
      0.0,
      0.06755050505050506,
      0.1351010101010101,
      0.20265151515151517,
      0.2702020202020202,
      0.3377525252525253,
      0.40530303030303033,
      0.47285353535353536,
      0.5404040404040404,
      0.6079545454545455,
      0.6755050505050506,
      0.7430555555555556
    ],
    "TaskName": "restingstate",
    "TotalReadoutTime": 0.024699802401580786,
    "UsePhilipsFloatNotDisplayScaling": 1,
    "acq_id": "mb3",
    "dataset": "ds002785",
    "modality": "bold",
    "subject_id": "0127",
    "task_id": "restingstate"
  },
  "dummy_trs": 1,
  "dvars_nstd": 25.975267218493727,
  "dvars_std": 1.1220654645188282,
  "dvars_vstd": 1.0088597241841004,
  "efc": 0.44036770419668503,
  "fber": 169255.34375,
  "fd_mean": 0.07676138286505355,
  "fd_num": 0,
  "fd_perc": 0.0,
  "fwhm_avg": 1.7691333413395416,
  "fwhm_x": 1.7299366666666665,
  "fwhm_y": 1.91523,
  "fwhm_z": 1.6622333573519583,
  "gcor": 0.0200796,
  "gsr_x": -0.016750086098909378,
  "gsr_y": 0.011256561614573002,
  "provenance": {
    "md5sum": "d11b418a6ffbb339115c4e2ebb453484",
    "settings": {
      "fd_thres": 0.2,
      "testing": false
    },
    "software": "mriqc",
    "version": "22.0.0rc1",
    "webapi_port": null,
    "webapi_url": "https://mriqc.nimh.nih.gov/api/v1"
  },
  "size_t": 479,
  "size_x": 80,
  "size_y": 80,
  "size_z": 36,
  "snr": 7.09684843179263,
  "spacing_tr": 0.75,
  "spacing_x": 3.0,
  "spacing_y": 3.0,
  "spacing_z": 3.299999952316284,
  "summary_bg_k": 36.18804906967032,
  "summary_bg_mad": 46.66942428025621,
  "summary_bg_mean": 387.2328796386719,
  "summary_bg_median": 41.467716217041016,
  "summary_bg_n": 152193.0,
  "summary_bg_p05": 1.2722817182540893,
  "summary_bg_p95": 1942.941699218748,
  "summary_bg_stdv": 1213.4210205078125,
  "summary_fg_k": 1.5215642525639792,
  "summary_fg_mad": 2330.885239794906,
  "summary_fg_mean": 17571.77734375,
  "summary_fg_median": 17533.99609375,
  "summary_fg_n": 37183.0,
  "summary_fg_p05": 13694.40078125,
  "summary_fg_p95": 21523.123046875004,
  "summary_fg_stdv": 2470.640380859375,
  "tsnr": 54.99828338623047
}