{
  "aor": 0.0006215102040816326,
  "aqi": 0.003114114612244898,
  "bids_meta": {
    "AcquisitionNumber": 6,
    "BidsifyVersion": "0.3.5",
    "ConversionSoftware": "dcm2niix",
    "ConversionSoftwareVersion": "v1.0.20181125  GCC6.3.0",
    "EchoTime": 0.02762,
    "EffectiveEchoSpacing": 0.0006621159151938905,
    "ImageComments": "piop",
    "ImageOrientationPatientDICOM": [
      0.998127,
      -0.0531174,
      0.0303482,
      0.0591249,
      0.964969,
      -0.255617
    ],
    "Manufacturer": "Philips",
    "NumberOfVolumesDiscardedByScanner": 2,
    "ParallelAcquisitionTechnique": "SENSE",
    "ParallelReductionFactorInPlane": 2,
    "PatientPosition": "HFS",
    "PhaseEncodingDirection": "j",
    "PhilipsRescaleIntercept": 0,
    "PhilipsRescaleSlope": 0.74945,
    "PhilipsScaleSlope": 0.052391,
    "ProtocolName": "WIPpiopgstroopSENSE",
    "PulseSequenceType": "gradient echo EPI",
    "ReconMatrixPE": 80,
    "RepetitionTime": 2,
    "SeriesDescription": "ImageMRSERIES",
    "SeriesNumber": 6,
    "SliceEncodingDirection": "k",
    "SliceTiming": [
      0.0,
      0.0541,
      0.1081,
      0.1622,
      0.2162,
      0.2703,
      0.3243,
      0.3784,
      0.4324,
      0.4865,
      0.5405,
      0.5946,
      0.6486,
      0.7027,
      0.7568,
      0.8108,
      0.8649,
      0.9189,
      0.973,
      1.027,
      1.0811,
      1.1351,
      1.1892,
      1.2432,
      1.2973,
      1.3514,
      1.4054,
      1.4595,
      1.5135,
      1.5676,
      1.6216,
      1.6757,
      1.7297,
      1.7838,
      1.8378,
      1.8919,
      1.9459
    ],
    "TaskName": "gstroop",
    "TotalReadoutTime": 0.025822520692561732,
    "UsePhilipsFloatNotDisplayScaling": 1,
    "acq_id": "seq",
    "dataset": "ds002785",
    "modality": "bold",
    "subject_id": "0127",
    "task_id": "gstroop"
  },
  "dummy_trs": 0,
  "dvars_nstd": 19.399426929590174,
  "dvars_std": 1.246237243811475,
  "dvars_vstd": 1.0078323219672134,
  "efc": 0.4331699449442966,
  "fber": 195591.296875,
  "fd_mean": 0.09932576681012378,
  "fd_num": 2,
  "fd_perc": 0.8163265306122449,
  "fwhm_avg": 1.7777815233947993,
  "fwhm_x": 1.7366666666666666,
  "fwhm_y": 1.8852233333333333,
  "fwhm_z": 1.711454570184398,
  "gcor": 0.02252,
  "gsr_x": -0.017233075574040413,
  "gsr_y": 0.01058074552565813,
  "provenance": {
    "md5sum": "1f52dbba683b0abc293e1221c9a7982a",
    "settings": {
      "fd_thres": 0.2,
      "testing": false
    },
    "software": "mriqc",
    "version": "22.0.0rc1",
    "webapi_port": null,
    "webapi_url": "https://mriqc.nimh.nih.gov/api/v1"
  },
  "size_t": 245,
  "size_x": 80,
  "size_y": 80,
  "size_z": 37,
  "snr": 5.727785444533848,
  "spacing_tr": 2.0,
  "spacing_x": 3.0,
  "spacing_y": 3.0,
  "spacing_z": 3.299999952316284,
  "summary_bg_k": 40.954520555621265,
  "summary_bg_mad": 58.66824341468654,
  "summary_bg_mean": 540.6353759765625,
  "summary_bg_median": 56.24144744873047,
  "summary_bg_n": 157515.0,
  "summary_bg_p05": 2.30059130191803,
  "summary_bg_p95": 2841.180224609372,
  "summary_bg_stdv": 1724.8721923828125,
  "summary_fg_k": 2.3634987930421314,
  "summary_fg_mad": 4075.1754369891205,
  "summary_fg_mean": 25981.126953125,
  "summary_fg_median": 25518.291015625,
  "summary_fg_n": 37701.0,
  "summary_fg_p05": 19650.1015625,
  "summary_fg_p95": 33330.78515625,
  "summary_fg_stdv": 4455.11669921875,
  "tsnr": 96.27422332763672
}