{
  "aor": 0.011260272727272726,
  "aqi": 0.014843067696969697,
  "bids_meta": {
    "AcquisitionNumber": 2,
    "BidsifyVersion": "0.3.5",
    "ConversionSoftware": "dcm2niix",
    "ConversionSoftwareVersion": "v1.0.20181125  GCC6.3.0",
    "EchoTime": 0.02762,
    "EffectiveEchoSpacing": 0.0006333282667071997,
    "ImageComments": "piop",
    "ImageOrientationPatientDICOM": [
      0.999348,
      0.0297974,
      -0.0203811,
      -0.0345487,
      0.953151,
      -0.300514
    ],
    "Manufacturer": "Philips",
    "NumberOfVolumesDiscardedByScanner": 2,
    "ParallelAcquisitionTechnique": "SENSE",
    "ParallelReductionFactorInPlane": 2,
    "PatientPosition": "HFS",
    "PhaseEncodingDirection": "j",
    "PhilipsRescaleIntercept": 0,
    "PhilipsRescaleSlope": 0.76557,
    "PhilipsScaleSlope": 0.104047,
    "ProtocolName": "WIPpiopfacesSENSE",
    "PulseSequenceType": "gradient echo EPI",
    "ReconMatrixPE": 80,
    "RepetitionTime": 0.75,
    "SeriesDescription": "ImageMRSERIES",
    "SeriesNumber": 2,
    "SliceEncodingDirection": "k",
    "SliceTiming": [
      0.0,
      0.06755050505050506,
      0.1351010101010101,
      0.20265151515151517,
      0.2702020202020202,
      0.3377525252525253,
      0.40530303030303033,
      0.47285353535353536,
      0.5404040404040404,
      0.6079545454545455,
      0.6755050505050506,
      0.7430555555555556,
      0.0,
      0.06755050505050506,
      0.1351010101010101,
      0.20265151515151517,
      0.2702020202020202,
      0.3377525252525253,
      0.40530303030303033,
      0.47285353535353536,
      0.5404040404040404,
      0.6079545454545455,
      0.6755050505050506,
      0.7430555555555556,
      0.0,
      0.06755050505050506,
      0.1351010101010101,
      0.20265151515151517,
      0.2702020202020202,
      0.3377525252525253,
      0.40530303030303033,
      0.47285353535353536,
      0.5404040404040404,
      0.6079545454545455,
      0.6755050505050506,
      0.7430555555555556
    ],
    "TaskName": "faces",
    "TotalReadoutTime": 0.024699802401580786,
    "UsePhilipsFloatNotDisplayScaling": 1,
    "acq_id": "mb3",
    "dataset": "ds002785",
    "modality": "bold",
    "subject_id": "0003",
    "task_id": "faces"
  },
  "dummy_trs": 0,
  "dvars_nstd": 28.66879095620061,
  "dvars_std": 1.1957242229179332,
  "dvars_vstd": 1.0819247297264443,
  "efc": 0.4292939476324072,
  "fber": 158906.125,
  "fd_mean": 0.1163629140249486,
  "fd_num": 25,
  "fd_perc": 7.575757575757576,
  "fwhm_avg": 1.891495765990058,
  "fwhm_x": 1.8696866666666667,
  "fwhm_y": 2.05784,
  "fwhm_z": 1.7469606313035073,
  "gcor": 0.0128027,
  "gsr_x": -0.02288425900042057,
  "gsr_y": 0.017841318622231483,
  "provenance": {
    "md5sum": "76ba2b5571439d398bad4df9bdb5a0cb",
    "settings": {
      "fd_thres": 0.2,
      "testing": false
    },
    "software": "mriqc",
    "version": "22.0.0rc1",
    "webapi_port": null,
    "webapi_url": "https://mriqc.nimh.nih.gov/api/v1"
  },
  "size_t": 330,
  "size_x": 80,
  "size_y": 80,
  "size_z": 36,
  "snr": 6.089979600589849,
  "spacing_tr": 0.75,
  "spacing_x": 3.0,
  "spacing_y": 3.0,
  "spacing_z": 3.299999952316284,
  "summary_bg_k": 47.43838489300113,
  "summary_bg_mad": 42.433080620836265,
  "summary_bg_mean": 421.06915283203125,
  "summary_bg_median": 42.12004089355469,
  "summary_bg_n": 155545.0,
  "summary_bg_p05": 4.677592372894287,
  "summary_bg_p95": 2497.7088867187495,
  "summary_bg_stdv": 1207.5694580078125,
  "summary_fg_k": 1.065798344500731,
  "summary_fg_mad": 2695.024796201951,
  "summary_fg_mean": 17351.6171875,
  "summary_fg_median": 17336.203125,
  "summary_fg_n": 33930.0,
  "summary_fg_p05": 12801.32607421875,
  "summary_fg_p95": 21987.743261718748,
  "summary_fg_stdv": 2846.634765625,
  "tsnr": 42.04705047607422
}