{
  "aor": 0.0013347,
  "aqi": 0.003991992450000001,
  "bids_meta": {
    "AcquisitionNumber": 9,
    "BidsifyVersion": "0.3.5",
    "ConversionSoftware": "dcm2niix",
    "ConversionSoftwareVersion": "v1.0.20181125  GCC6.3.0",
    "EchoTime": 0.02762,
    "EffectiveEchoSpacing": 0.0006621159151938905,
    "ImageComments": "piop",
    "ImageOrientationPatientDICOM": [
      0.999348,
      0.0297974,
      -0.0203811,
      -0.0345487,
      0.953151,
      -0.300514
    ],
    "Manufacturer": "Philips",
    "NumberOfVolumesDiscardedByScanner": 2,
    "ParallelAcquisitionTechnique": "SENSE",
    "ParallelReductionFactorInPlane": 2,
    "PatientPosition": "HFS",
    "PhaseEncodingDirection": "j",
    "PhilipsRescaleIntercept": 0,
    "PhilipsRescaleSlope": 0.82344,
    "PhilipsScaleSlope": 0.0643966,
    "ProtocolName": "WIPpiopanticipatieSENSE",
    "PulseSequenceType": "gradient echo EPI",
    "ReconMatrixPE": 80,
    "RepetitionTime": 2,
    "SeriesDescription": "ImageMRSERIES",
    "SeriesNumber": 9,
    "SliceEncodingDirection": "k",
    "SliceTiming": [
      0.0,
      0.0541,
      0.1081,
      0.1622,
      0.2162,
      0.2703,
      0.3243,
      0.3784,
      0.4324,
      0.4865,
      0.5405,
      0.5946,
      0.6486,
      0.7027,
      0.7568,
      0.8108,
      0.8649,
      0.9189,
      0.973,
      1.027,
      1.0811,
      1.1351,
      1.1892,
      1.2432,
      1.2973,
      1.3514,
      1.4054,
      1.4595,
      1.5135,
      1.5676,
      1.6216,
      1.6757,
      1.7297,
      1.7838,
      1.8378,
      1.8919,
      1.9459
    ],
    "TaskName": "anticipation",
    "TotalReadoutTime": 0.025822520692561732,
    "UsePhilipsFloatNotDisplayScaling": 1,
    "acq_id": "seq",
    "dataset": "ds002785",
    "modality": "bold",
    "subject_id": "0003",
    "task_id": "anticipation"
  },
  "dummy_trs": 0,
  "dvars_nstd": 20.02116340849246,
  "dvars_std": 1.209789340000001,
  "dvars_vstd": 1.0074334162311565,
  "efc": 0.427586259542221,
  "fber": 144734.359375,
  "fd_mean": 0.10300067462763957,
  "fd_num": 9,
  "fd_perc": 4.5,
  "fwhm_avg": 1.7653726342071245,
  "fwhm_x": 1.7199,
  "fwhm_y": 1.9267966666666665,
  "fwhm_z": 1.6494212359547071,
  "gcor": 0.0281595,
  "gsr_x": -0.021150102838873863,
  "gsr_y": 0.020373979583382607,
  "provenance": {
    "md5sum": "9b5f05a7a9e39fc370610de0aebc6b68",
    "settings": {
      "fd_thres": 0.2,
      "testing": false
    },
    "software": "mriqc",
    "version": "22.0.0rc1",
    "webapi_port": null,
    "webapi_url": "https://mriqc.nimh.nih.gov/api/v1"
  },
  "size_t": 200,
  "size_x": 80,
  "size_y": 80,
  "size_z": 37,
  "snr": 5.455201420095243,
  "spacing_tr": 2.0,
  "spacing_x": 3.0,
  "spacing_y": 3.0,
  "spacing_z": 3.299999952316284,
  "summary_bg_k": 54.81535598756827,
  "summary_bg_mad": 59.78994264068273,
  "summary_bg_mean": 596.8416137695312,
  "summary_bg_median": 58.25851821899414,
  "summary_bg_n": 160695.0,
  "summary_bg_p05": 5.1265990257263185,
  "summary_bg_p95": 3679.4412109374957,
  "summary_bg_stdv": 1750.7054443359375,
  "summary_fg_k": 1.4527682088489637,
  "summary_fg_mad": 3849.499924102158,
  "summary_fg_mean": 23127.650390625,
  "summary_fg_median": 22744.4609375,
  "summary_fg_n": 34694.0,
  "summary_fg_p05": 17034.66455078125,
  "summary_fg_p95": 30185.93212890625,
  "summary_fg_stdv": 4169.25634765625,
  "tsnr": 82.22183990478516
}