{
  "aor": 0.00046927083333333337,
  "aqi": 0.009578567020833335,
  "bids_meta": {
    "AcquisitionNumber": 6,
    "BidsifyVersion": "0.3.5",
    "ConversionSoftware": "dcm2niix",
    "ConversionSoftwareVersion": "v1.0.20181125  GCC6.3.0",
    "EchoTime": 0.02762,
    "EffectiveEchoSpacing": 0.0006333282667071997,
    "ImageComments": "piop",
    "ImageOrientationPatientDICOM": [
      0.999348,
      0.0297974,
      -0.0203811,
      -0.0345487,
      0.953151,
      -0.300514
    ],
    "Manufacturer": "Philips",
    "NumberOfVolumesDiscardedByScanner": 2,
    "ParallelAcquisitionTechnique": "SENSE",
    "ParallelReductionFactorInPlane": 2,
    "PatientPosition": "HFS",
    "PhaseEncodingDirection": "j",
    "PhilipsRescaleIntercept": 0,
    "PhilipsRescaleSlope": 0.79878,
    "PhilipsScaleSlope": 0.100231,
    "ProtocolName": "WIPpioprsSENSE",
    "PulseSequenceType": "gradient echo EPI",
    "ReconMatrixPE": 80,
    "RepetitionTime": 0.75,
    "SeriesDescription": "ImageMRSERIES",
    "SeriesNumber": 6,
    "SliceEncodingDirection": "k",
    "SliceTiming": [
      0.0,
      0.06755050505050506,
      0.1351010101010101,
      0.20265151515151517,
      0.2702020202020202,
      0.3377525252525253,
      0.40530303030303033,
      0.47285353535353536,
      0.5404040404040404,
      0.6079545454545455,
      0.6755050505050506,
      0.7430555555555556,
      0.0,
      0.06755050505050506,
      0.1351010101010101,
      0.20265151515151517,
      0.2702020202020202,
      0.3377525252525253,
      0.40530303030303033,
      0.47285353535353536,
      0.5404040404040404,
      0.6079545454545455,
      0.6755050505050506,
      0.7430555555555556,
      0.0,
      0.06755050505050506,
      0.1351010101010101,
      0.20265151515151517,
      0.2702020202020202,
      0.3377525252525253,
      0.40530303030303033,
      0.47285353535353536,
      0.5404040404040404,
      0.6079545454545455,
      0.6755050505050506,
      0.7430555555555556
    ],
    "TaskName": "restingstate",
    "TotalReadoutTime": 0.024699802401580786,
    "UsePhilipsFloatNotDisplayScaling": 1,
    "acq_id": "mb3",
    "dataset": "ds002785",
    "modality": "bold",
    "subject_id": "0003",
    "task_id": "restingstate"
  },
  "dummy_trs": 0,
  "dvars_nstd": 28.803582205177456,
  "dvars_std": 1.1397165924634656,
  "dvars_vstd": 0.9903740225887266,
  "efc": 0.4323823076541688,
  "fber": 154690.0,
  "fd_mean": 0.10183607301818978,
  "fd_num": 23,
  "fd_perc": 4.791666666666667,
  "fwhm_avg": 1.842806371873649,
  "fwhm_x": 1.8255533333333334,
  "fwhm_y": 1.9926566666666667,
  "fwhm_z": 1.7102091156209471,
  "gcor": 0.0215267,
  "gsr_x": -0.02240043319761753,
  "gsr_y": 0.016866032034158707,
  "provenance": {
    "md5sum": "5ac1659499089a718cb19637f2f9bbd3",
    "settings": {
      "fd_thres": 0.2,
      "testing": false
    },
    "software": "mriqc",
    "version": "22.0.0rc1",
    "webapi_port": null,
    "webapi_url": "https://mriqc.nimh.nih.gov/api/v1"
  },
  "size_t": 480,
  "size_x": 80,
  "size_y": 80,
  "size_z": 36,
  "snr": 6.328716946632244,
  "spacing_tr": 0.75,
  "spacing_x": 3.0,
  "spacing_y": 3.0,
  "spacing_z": 3.299999952316284,
  "summary_bg_k": 37.6718160519543,
  "summary_bg_mad": 42.167416428598926,
  "summary_bg_mean": 432.6468200683594,
  "summary_bg_median": 41.301979064941406,
  "summary_bg_n": 155428.0,
  "summary_bg_p05": 4.001617765426636,
  "summary_bg_p95": 2624.5157104492164,
  "summary_bg_stdv": 1220.808349609375,
  "summary_fg_k": 1.4145965717519102,
  "summary_fg_mad": 2465.076666960682,
  "summary_fg_mean": 16704.267578125,
  "summary_fg_median": 16714.3203125,
  "summary_fg_n": 34070.0,
  "summary_fg_p05": 12426.889013671875,
  "summary_fg_p95": 20912.173632812497,
  "summary_fg_stdv": 2640.989501953125,
  "tsnr": 49.76435089111328
}