{
  "bids_meta": {
    "AcquisitionNumber": 4,
    "BidsifyVersion": "0.3.5",
    "ConversionSoftware": "dcm2niix",
    "ConversionSoftwareVersion": "v1.0.20181125  GCC6.3.0",
    "EchoTime": 0.00377,
    "ImageComments": "PIoP",
    "ImageOrientationPatientDICOM": [
      0.997695,
      -0.0558398,
      0.0385521,
      0.0584003,
      0.995917,
      -0.06884
    ],
    "Manufacturer": "Philips",
    "PatientPosition": "HFS",
    "PhilipsRescaleIntercept": 0,
    "PhilipsRescaleSlope": 9.28987,
    "PhilipsScaleSlope": 0.00740581,
    "ProtocolName": "WIPt13dSENSE",
    "ReconMatrixPE": 240,
    "RepetitionTime": 0.008215,
    "SeriesDescription": "ImageMRSERIES",
    "SeriesNumber": 4,
    "UsePhilipsFloatNotDisplayScaling": 1,
    "dataset": "ds002785",
    "modality": "T1w",
    "subject_id": "0187"
  },
  "cjv": 0.32907531237792126,
  "cnr": 3.864621707649877,
  "efc": 0.7892813945677036,
  "fber": 740.736572265625,
  "fwhm_avg": 3.5605163833368163,
  "fwhm_x": 3.55132,
  "fwhm_y": 3.6890095602357915,
  "fwhm_z": 3.4412195897746574,
  "icvs_csf": 0.20406128201009743,
  "icvs_gm": 0.42099174343222345,
  "icvs_wm": 0.3749469745576791,
  "inu_med": 1.8222333192825317,
  "inu_range": 0.5557954430580139,
  "provenance": {
    "md5sum": "78129c517e6f4bad3b081163df9f95cb",
    "settings": {
      "testing": false
    },
    "software": "mriqc",
    "version": "22.0.0rc1",
    "warnings": {
      "large_rot_frame": true,
      "small_air_mask": true
    },
    "webapi_port": null,
    "webapi_url": "https://mriqc.nimh.nih.gov/api/v1"
  },
  "qi_1": 0.0,
  "qi_2": 0.00022693844249415757,
  "rpve_csf": 24.27642373933852,
  "rpve_gm": 12.731475166820488,
  "rpve_wm": 18.190642514589474,
  "size_x": 240,
  "size_y": 240,
  "size_z": 220,
  "snr_csf": 3.6493455906134855,
  "snr_gm": 7.470410039267209,
  "snr_total": 10.155076050763673,
  "snr_wm": 19.345472522410322,
  "snrd_csf": 25.106320159668286,
  "snrd_gm": 42.9478495684458,
  "snrd_total": 45.77320333412416,
  "snrd_wm": 69.2654402742584,
  "spacing_x": 1.0,
  "spacing_y": 1.0000001192092896,
  "spacing_z": 1.0000001192092896,
  "summary_bg_k": 6.560969981012731,
  "summary_bg_mad": 9.458291122148509,
  "summary_bg_mean": 12.74665355682373,
  "summary_bg_median": 12.733636856079102,
  "summary_bg_n": 138525.0,
  "summary_bg_p05": 0.0,
  "summary_bg_p95": 32.12608795166015,
  "summary_bg_stdv": 10.255145072937012,
  "summary_csf_k": 32.21748801621853,
  "summary_csf_mad": 78.33295882802012,
  "summary_csf_mean": 353.6496276855469,
  "summary_csf_median": 362.4632873535156,
  "summary_csf_n": 4893.0,
  "summary_csf_p05": 174.01567993164062,
  "summary_csf_p95": 480.03483886718743,
  "summary_csf_stdv": 99.31266784667969,
  "summary_gm_k": 0.313941525365657,
  "summary_gm_mad": 78.26219497701479,
  "summary_gm_mean": 624.4609985351562,
  "summary_gm_median": 620.0438232421875,
  "summary_gm_n": 23116.0,
  "summary_gm_p05": 495.0238571166992,
  "summary_gm_p95": 771.3477020263672,
  "summary_gm_stdv": 82.99817657470703,
  "summary_wm_k": 0.9459624347273774,
  "summary_wm_mad": 46.770154744477,
  "summary_wm_mean": 997.0950927734375,
  "summary_wm_median": 999.994384765625,
  "summary_wm_n": 225772.0,
  "summary_wm_p05": 906.6862579345703,
  "summary_wm_p95": 1075.7914672851562,
  "summary_wm_stdv": 51.69127655029297,
  "tpm_overlap_csf": 0.149621844291687,
  "tpm_overlap_gm": 0.4426809847354889,
  "tpm_overlap_wm": 0.5096988677978516,
  "wm2max": 0.7087588598315485
}