{
  "aor": 0.0013010526315789474,
  "aqi": 0.010093646631578948,
  "bids_meta": {
    "AcquisitionNumber": 6,
    "BidsifyVersion": "0.3.5",
    "ConversionSoftware": "dcm2niix",
    "ConversionSoftwareVersion": "v1.0.20181125  GCC6.3.0",
    "EchoTime": 0.02762,
    "EffectiveEchoSpacing": 0.0006333282667071997,
    "ImageComments": "piop",
    "ImageOrientationPatientDICOM": [
      0.999284,
      -0.0378132,
      -0.00127711,
      0.0366421,
      0.975641,
      -0.216291
    ],
    "Manufacturer": "Philips",
    "NumberOfVolumesDiscardedByScanner": 2,
    "ParallelAcquisitionTechnique": "SENSE",
    "ParallelReductionFactorInPlane": 2,
    "PatientPosition": "HFS",
    "PhaseEncodingDirection": "j",
    "PhilipsRescaleIntercept": 0,
    "PhilipsRescaleSlope": 0.75458,
    "PhilipsScaleSlope": 0.0943623,
    "ProtocolName": "WIPpioprsSENSE",
    "PulseSequenceType": "gradient echo EPI",
    "ReconMatrixPE": 80,
    "RepetitionTime": 0.75,
    "SeriesDescription": "ImageMRSERIES",
    "SeriesNumber": 6,
    "SliceEncodingDirection": "k",
    "SliceTiming": [
      0.0,
      0.06755050505050506,
      0.1351010101010101,
      0.20265151515151517,
      0.2702020202020202,
      0.3377525252525253,
      0.40530303030303033,
      0.47285353535353536,
      0.5404040404040404,
      0.6079545454545455,
      0.6755050505050506,
      0.7430555555555556,
      0.0,
      0.06755050505050506,
      0.1351010101010101,
      0.20265151515151517,
      0.2702020202020202,
      0.3377525252525253,
      0.40530303030303033,
      0.47285353535353536,
      0.5404040404040404,
      0.6079545454545455,
      0.6755050505050506,
      0.7430555555555556,
      0.0,
      0.06755050505050506,
      0.1351010101010101,
      0.20265151515151517,
      0.2702020202020202,
      0.3377525252525253,
      0.40530303030303033,
      0.47285353535353536,
      0.5404040404040404,
      0.6079545454545455,
      0.6755050505050506,
      0.7430555555555556
    ],
    "TaskName": "restingstate",
    "TotalReadoutTime": 0.024699802401580786,
    "UsePhilipsFloatNotDisplayScaling": 1,
    "acq_id": "mb3",
    "dataset": "ds002785",
    "modality": "bold",
    "subject_id": "0188",
    "task_id": "restingstate"
  },
  "dummy_trs": 5,
  "dvars_nstd": 27.755713225316445,
  "dvars_std": 1.1256340324050633,
  "dvars_vstd": 1.019348063122363,
  "efc": 0.42698247653227744,
  "fber": 218576.765625,
  "fd_mean": 0.08738047335736841,
  "fd_num": 18,
  "fd_perc": 3.789473684210526,
  "fwhm_avg": 1.8392151597681856,
  "fwhm_x": 1.8357266666666667,
  "fwhm_y": 1.96844,
  "fwhm_z": 1.7134788126378901,
  "gcor": 0.0322455,
  "gsr_x": -0.012993227690458298,
  "gsr_y": 0.008373547345399857,
  "provenance": {
    "md5sum": "fab5e0173091d7afd1f8b57c0747b1b0",
    "settings": {
      "fd_thres": 0.2,
      "testing": false
    },
    "software": "mriqc",
    "version": "22.0.0rc1",
    "webapi_port": null,
    "webapi_url": "https://mriqc.nimh.nih.gov/api/v1"
  },
  "size_t": 475,
  "size_x": 80,
  "size_y": 80,
  "size_z": 36,
  "snr": 6.773996140159906,
  "spacing_tr": 0.75,
  "spacing_x": 3.0,
  "spacing_y": 3.0,
  "spacing_z": 3.299999952316284,
  "summary_bg_k": 42.855368280115655,
  "summary_bg_mad": 46.18944026725457,
  "summary_bg_mean": 494.988037109375,
  "summary_bg_median": 37.316680908203125,
  "summary_bg_n": 157229.0,
  "summary_bg_p05": 1.0379300832748413,
  "summary_bg_p95": 2534.7614746093795,
  "summary_bg_stdv": 1471.89599609375,
  "summary_fg_k": 1.2496654045862243,
  "summary_fg_mad": 2417.108548991737,
  "summary_fg_mean": 17883.08984375,
  "summary_fg_median": 17847.05859375,
  "summary_fg_n": 32512.0,
  "summary_fg_p05": 13660.3271484375,
  "summary_fg_p95": 22215.218847656248,
  "summary_fg_stdv": 2634.60205078125,
  "tsnr": 49.26850128173828
}