{
  "aor": 0.00035951515151515153,
  "aqi": 0.005882201515151514,
  "bids_meta": {
    "AcquisitionNumber": 2,
    "BidsifyVersion": "0.3.5",
    "ConversionSoftware": "dcm2niix",
    "ConversionSoftwareVersion": "v1.0.20181125  GCC6.3.0",
    "EchoTime": 0.02762,
    "EffectiveEchoSpacing": 0.0006333282667071997,
    "ImageComments": "piop",
    "ImageOrientationPatientDICOM": [
      0.997286,
      0.073535,
      0.00364398,
      -0.0721862,
      0.986332,
      -0.148114
    ],
    "Manufacturer": "Philips",
    "NumberOfVolumesDiscardedByScanner": 2,
    "ParallelAcquisitionTechnique": "SENSE",
    "ParallelReductionFactorInPlane": 2,
    "PatientPosition": "HFS",
    "PhaseEncodingDirection": "j",
    "PhilipsRescaleIntercept": 0,
    "PhilipsRescaleSlope": 0.80391,
    "PhilipsScaleSlope": 0.0779145,
    "ProtocolName": "WIPpiopfacesSENSE",
    "PulseSequenceType": "gradient echo EPI",
    "ReconMatrixPE": 80,
    "RepetitionTime": 0.75,
    "SeriesDescription": "ImageMRSERIES",
    "SeriesNumber": 2,
    "SliceEncodingDirection": "k",
    "SliceTiming": [
      0.0,
      0.06755050505050506,
      0.1351010101010101,
      0.20265151515151517,
      0.2702020202020202,
      0.3377525252525253,
      0.40530303030303033,
      0.47285353535353536,
      0.5404040404040404,
      0.6079545454545455,
      0.6755050505050506,
      0.7430555555555556,
      0.0,
      0.06755050505050506,
      0.1351010101010101,
      0.20265151515151517,
      0.2702020202020202,
      0.3377525252525253,
      0.40530303030303033,
      0.47285353535353536,
      0.5404040404040404,
      0.6079545454545455,
      0.6755050505050506,
      0.7430555555555556,
      0.0,
      0.06755050505050506,
      0.1351010101010101,
      0.20265151515151517,
      0.2702020202020202,
      0.3377525252525253,
      0.40530303030303033,
      0.47285353535353536,
      0.5404040404040404,
      0.6079545454545455,
      0.6755050505050506,
      0.7430555555555556
    ],
    "TaskName": "faces",
    "TotalReadoutTime": 0.024699802401580786,
    "UsePhilipsFloatNotDisplayScaling": 1,
    "acq_id": "mb3",
    "dataset": "ds002785",
    "modality": "bold",
    "subject_id": "0133",
    "task_id": "faces"
  },
  "dummy_trs": 0,
  "dvars_nstd": 21.326044471124636,
  "dvars_std": 1.0636341484802427,
  "dvars_vstd": 0.98550512325228,
  "efc": 0.44102052156837224,
  "fber": 137267.84375,
  "fd_mean": 0.11306237539162003,
  "fd_num": 14,
  "fd_perc": 4.242424242424242,
  "fwhm_avg": 2.2260241992851006,
  "fwhm_x": 2.23838,
  "fwhm_y": 2.4371833333333335,
  "fwhm_z": 2.0025092645219686,
  "gcor": 0.0210506,
  "gsr_x": -0.02331298217177391,
  "gsr_y": 0.02236025594174862,
  "provenance": {
    "md5sum": "9dc73ce5dc2b506c3ccce23c5ef04b71",
    "settings": {
      "fd_thres": 0.2,
      "testing": false
    },
    "software": "mriqc",
    "version": "22.0.0rc1",
    "webapi_port": null,
    "webapi_url": "https://mriqc.nimh.nih.gov/api/v1"
  },
  "size_t": 330,
  "size_x": 80,
  "size_y": 80,
  "size_z": 36,
  "snr": 5.794622936774235,
  "spacing_tr": 0.75,
  "spacing_x": 3.0,
  "spacing_y": 3.0,
  "spacing_z": 3.299999713897705,
  "summary_bg_k": 42.05420248754433,
  "summary_bg_mad": 55.56190081053025,
  "summary_bg_mean": 482.5880126953125,
  "summary_bg_median": 49.907840728759766,
  "summary_bg_n": 153554.0,
  "summary_bg_p05": 3.804169523715973,
  "summary_bg_p95": 2476.4974853515646,
  "summary_bg_stdv": 1284.86767578125,
  "summary_fg_k": 0.40940953837207505,
  "summary_fg_mad": 3081.7117787308594,
  "summary_fg_mean": 18927.26171875,
  "summary_fg_median": 18806.64453125,
  "summary_fg_n": 35660.0,
  "summary_fg_p05": 13760.9982421875,
  "summary_fg_p95": 24409.432812499992,
  "summary_fg_stdv": 3245.48828125,
  "tsnr": 60.58076858520508
}