{
  "aor": 0.00038526530612244893,
  "aqi": 0.0033977546530612247,
  "bids_meta": {
    "AcquisitionNumber": 3,
    "BidsifyVersion": "0.3.5",
    "ConversionSoftware": "dcm2niix",
    "ConversionSoftwareVersion": "v1.0.20181125  GCC6.3.0",
    "EchoTime": 0.02762,
    "EffectiveEchoSpacing": 0.0006621159151938905,
    "ImageComments": "piop",
    "ImageOrientationPatientDICOM": [
      0.993536,
      -0.0750944,
      0.0851343,
      0.104951,
      0.893464,
      -0.436701
    ],
    "Manufacturer": "Philips",
    "NumberOfVolumesDiscardedByScanner": 2,
    "ParallelAcquisitionTechnique": "SENSE",
    "ParallelReductionFactorInPlane": 2,
    "PatientPosition": "HFS",
    "PhaseEncodingDirection": "j",
    "PhilipsRescaleIntercept": 0,
    "PhilipsRescaleSlope": 0.73846,
    "PhilipsScaleSlope": 0.0564456,
    "ProtocolName": "WIPpiopgstroopSENSE",
    "PulseSequenceType": "gradient echo EPI",
    "ReconMatrixPE": 80,
    "RepetitionTime": 2,
    "SeriesDescription": "ImageMRSERIES",
    "SeriesNumber": 3,
    "SliceEncodingDirection": "k",
    "SliceTiming": [
      0.0,
      0.0541,
      0.1081,
      0.1622,
      0.2162,
      0.2703,
      0.3243,
      0.3784,
      0.4324,
      0.4865,
      0.5405,
      0.5946,
      0.6486,
      0.7027,
      0.7568,
      0.8108,
      0.8649,
      0.9189,
      0.973,
      1.027,
      1.0811,
      1.1351,
      1.1892,
      1.2432,
      1.2973,
      1.3514,
      1.4054,
      1.4595,
      1.5135,
      1.5676,
      1.6216,
      1.6757,
      1.7297,
      1.7838,
      1.8378,
      1.8919,
      1.9459
    ],
    "TaskName": "gstroop",
    "TotalReadoutTime": 0.025822520692561732,
    "UsePhilipsFloatNotDisplayScaling": 1,
    "acq_id": "seq",
    "dataset": "ds002785",
    "modality": "bold",
    "subject_id": "0015",
    "task_id": "gstroop"
  },
  "dummy_trs": 0,
  "dvars_nstd": 19.82267296881148,
  "dvars_std": 1.2544671851639342,
  "dvars_vstd": 0.9885589177459021,
  "efc": 0.4178524533214991,
  "fber": 133497.765625,
  "fd_mean": 0.1051280967423074,
  "fd_num": 9,
  "fd_perc": 3.673469387755102,
  "fwhm_avg": 1.8026031395715947,
  "fwhm_x": 1.7586733333333333,
  "fwhm_y": 1.9345299999999999,
  "fwhm_z": 1.7146060853814513,
  "gcor": 0.0106402,
  "gsr_x": -0.01815376803278923,
  "gsr_y": 0.016627082601189613,
  "provenance": {
    "md5sum": "e01831e94948419cb79254ebb95edec6",
    "settings": {
      "fd_thres": 0.2,
      "testing": false
    },
    "software": "mriqc",
    "version": "22.0.0rc1",
    "webapi_port": null,
    "webapi_url": "https://mriqc.nimh.nih.gov/api/v1"
  },
  "size_t": 245,
  "size_x": 80,
  "size_y": 80,
  "size_z": 37,
  "snr": 5.873173360017899,
  "spacing_tr": 2.0,
  "spacing_x": 3.0,
  "spacing_y": 3.0,
  "spacing_z": 3.299999952316284,
  "summary_bg_k": 54.98112740163019,
  "summary_bg_mad": 64.13920757960815,
  "summary_bg_mean": 586.2583618164062,
  "summary_bg_median": 67.44803619384766,
  "summary_bg_n": 161733.0,
  "summary_bg_p05": 8.48036003112793,
  "summary_bg_p95": 3031.732910156246,
  "summary_bg_stdv": 1731.3780517578125,
  "summary_fg_k": 1.6600254229918967,
  "summary_fg_mad": 4255.683704945906,
  "summary_fg_mean": 25697.521484375,
  "summary_fg_median": 25478.4140625,
  "summary_fg_n": 32894.0,
  "summary_fg_p05": 19251.835546875,
  "summary_fg_p95": 32584.734179687497,
  "summary_fg_stdv": 4338.0341796875,
  "tsnr": 89.08580017089844
}