{
  "aor": 0.011152500000000001,
  "aqi": 0.0060789074999999995,
  "bids_meta": {
    "AcquisitionNumber": 9,
    "BidsifyVersion": "0.3.5",
    "ConversionSoftware": "dcm2niix",
    "ConversionSoftwareVersion": "v1.0.20181125  GCC6.3.0",
    "EchoTime": 0.02762,
    "EffectiveEchoSpacing": 0.0006621159151938905,
    "ImageComments": "Piop",
    "ImageOrientationPatientDICOM": [
      0.99894,
      0.0396852,
      0.023306,
      -0.0273795,
      0.91949,
      -0.392159
    ],
    "Manufacturer": "Philips",
    "NumberOfVolumesDiscardedByScanner": 2,
    "ParallelAcquisitionTechnique": "SENSE",
    "ParallelReductionFactorInPlane": 2,
    "PatientPosition": "HFS",
    "PhaseEncodingDirection": "j",
    "PhilipsRescaleIntercept": 0,
    "PhilipsRescaleSlope": 0.81538,
    "PhilipsScaleSlope": 0.0677901,
    "ProtocolName": "WIPpiopanticipatieSENSE",
    "PulseSequenceType": "gradient echo EPI",
    "ReconMatrixPE": 80,
    "RepetitionTime": 2,
    "SeriesDescription": "ImageMRSERIES",
    "SeriesNumber": 9,
    "SliceEncodingDirection": "k",
    "SliceTiming": [
      0.0,
      0.0541,
      0.1081,
      0.1622,
      0.2162,
      0.2703,
      0.3243,
      0.3784,
      0.4324,
      0.4865,
      0.5405,
      0.5946,
      0.6486,
      0.7027,
      0.7568,
      0.8108,
      0.8649,
      0.9189,
      0.973,
      1.027,
      1.0811,
      1.1351,
      1.1892,
      1.2432,
      1.2973,
      1.3514,
      1.4054,
      1.4595,
      1.5135,
      1.5676,
      1.6216,
      1.6757,
      1.7297,
      1.7838,
      1.8378,
      1.8919,
      1.9459
    ],
    "TaskName": "anticipation",
    "TotalReadoutTime": 0.025822520692561732,
    "UsePhilipsFloatNotDisplayScaling": 1,
    "acq_id": "seq",
    "dataset": "ds002785",
    "modality": "bold",
    "subject_id": "0156",
    "task_id": "anticipation"
  },
  "dummy_trs": 0,
  "dvars_nstd": 28.59125790065326,
  "dvars_std": 1.3869691630150758,
  "dvars_vstd": 1.1078099436180902,
  "efc": 0.46168733923848654,
  "fber": 93045.796875,
  "fd_mean": 0.19700222386865454,
  "fd_num": 17,
  "fd_perc": 8.5,
  "fwhm_avg": 1.792007382046119,
  "fwhm_x": 1.7683233333333332,
  "fwhm_y": 1.8826533333333335,
  "fwhm_z": 1.7250454794716905,
  "gcor": 0.0292056,
  "gsr_x": -0.018235858529806137,
  "gsr_y": 0.027644820511341095,
  "provenance": {
    "md5sum": "70e228929f10e9482af4497337865a59",
    "settings": {
      "fd_thres": 0.2,
      "testing": false
    },
    "software": "mriqc",
    "version": "22.0.0rc1",
    "webapi_port": null,
    "webapi_url": "https://mriqc.nimh.nih.gov/api/v1"
  },
  "size_t": 200,
  "size_x": 80,
  "size_y": 80,
  "size_z": 37,
  "snr": 5.382931196898621,
  "spacing_tr": 2.0,
  "spacing_x": 3.0,
  "spacing_y": 3.0,
  "spacing_z": 3.299999952316284,
  "summary_bg_k": 35.13237600171057,
  "summary_bg_mad": 78.65585566014305,
  "summary_bg_mean": 769.1737060546875,
  "summary_bg_median": 66.82875061035156,
  "summary_bg_n": 155952.0,
  "summary_bg_p05": 4.409850287437439,
  "summary_bg_p95": 4290.663378906217,
  "summary_bg_stdv": 1893.458984375,
  "summary_fg_k": 1.5101605765687482,
  "summary_fg_mad": 3657.617317250274,
  "summary_fg_mean": 21122.392578125,
  "summary_fg_median": 20773.4453125,
  "summary_fg_n": 38336.0,
  "summary_fg_p05": 15575.66796875,
  "summary_fg_p95": 27613.66015625,
  "summary_fg_stdv": 3859.082275390625,
  "tsnr": 63.06114196777344
}