{
  "aor": 0.0005441041666666667,
  "aqi": 0.010547483270833333,
  "bids_meta": {
    "AcquisitionNumber": 6,
    "BidsifyVersion": "0.3.5",
    "ConversionSoftware": "dcm2niix",
    "ConversionSoftwareVersion": "v1.0.20181125  GCC6.3.0",
    "EchoTime": 0.02762,
    "EffectiveEchoSpacing": 0.0006333282667071997,
    "ImageComments": "Piop",
    "ImageOrientationPatientDICOM": [
      0.99894,
      0.0396852,
      0.023306,
      -0.0273795,
      0.91949,
      -0.392159
    ],
    "Manufacturer": "Philips",
    "NumberOfVolumesDiscardedByScanner": 2,
    "ParallelAcquisitionTechnique": "SENSE",
    "ParallelReductionFactorInPlane": 2,
    "PatientPosition": "HFS",
    "PhaseEncodingDirection": "j",
    "PhilipsRescaleIntercept": 0,
    "PhilipsRescaleSlope": 0.77973,
    "PhilipsScaleSlope": 0.0972116,
    "ProtocolName": "WIPpioprsSENSE",
    "PulseSequenceType": "gradient echo EPI",
    "ReconMatrixPE": 80,
    "RepetitionTime": 0.75,
    "SeriesDescription": "ImageMRSERIES",
    "SeriesNumber": 6,
    "SliceEncodingDirection": "k",
    "SliceTiming": [
      0.0,
      0.06755050505050506,
      0.1351010101010101,
      0.20265151515151517,
      0.2702020202020202,
      0.3377525252525253,
      0.40530303030303033,
      0.47285353535353536,
      0.5404040404040404,
      0.6079545454545455,
      0.6755050505050506,
      0.7430555555555556,
      0.0,
      0.06755050505050506,
      0.1351010101010101,
      0.20265151515151517,
      0.2702020202020202,
      0.3377525252525253,
      0.40530303030303033,
      0.47285353535353536,
      0.5404040404040404,
      0.6079545454545455,
      0.6755050505050506,
      0.7430555555555556,
      0.0,
      0.06755050505050506,
      0.1351010101010101,
      0.20265151515151517,
      0.2702020202020202,
      0.3377525252525253,
      0.40530303030303033,
      0.47285353535353536,
      0.5404040404040404,
      0.6079545454545455,
      0.6755050505050506,
      0.7430555555555556
    ],
    "TaskName": "restingstate",
    "TotalReadoutTime": 0.024699802401580786,
    "UsePhilipsFloatNotDisplayScaling": 1,
    "acq_id": "mb3",
    "dataset": "ds002785",
    "modality": "bold",
    "subject_id": "0156",
    "task_id": "restingstate"
  },
  "dummy_trs": 0,
  "dvars_nstd": 34.19762969375785,
  "dvars_std": 1.1606888600417529,
  "dvars_vstd": 1.0075578657828816,
  "efc": 0.4667488912164111,
  "fber": 115967.6875,
  "fd_mean": 0.09537318209005542,
  "fd_num": 16,
  "fd_perc": 3.3333333333333335,
  "fwhm_avg": 1.8492938468977973,
  "fwhm_x": 1.8330133333333334,
  "fwhm_y": 1.9472166666666666,
  "fwhm_z": 1.767651540693392,
  "gcor": 0.0166693,
  "gsr_x": -0.01929798349738121,
  "gsr_y": 0.026214657351374626,
  "provenance": {
    "md5sum": "f60e9f1b51043745a2cb5f2c643ada63",
    "settings": {
      "fd_thres": 0.2,
      "testing": false
    },
    "software": "mriqc",
    "version": "22.0.0rc1",
    "webapi_port": null,
    "webapi_url": "https://mriqc.nimh.nih.gov/api/v1"
  },
  "size_t": 480,
  "size_x": 80,
  "size_y": 80,
  "size_z": 36,
  "snr": 6.450944269498237,
  "spacing_tr": 0.75,
  "spacing_x": 3.0,
  "spacing_y": 3.0,
  "spacing_z": 3.299999952316284,
  "summary_bg_k": 26.510779791931128,
  "summary_bg_mad": 59.24166277343747,
  "summary_bg_mean": 597.3753662109375,
  "summary_bg_median": 47.318321228027344,
  "summary_bg_n": 151040.0,
  "summary_bg_p05": 2.230452156066895,
  "summary_bg_p95": 3301.4523437499975,
  "summary_bg_stdv": 1421.862548828125,
  "summary_fg_k": 1.0279354276415607,
  "summary_fg_mad": 2431.308374438996,
  "summary_fg_mean": 16500.083984375,
  "summary_fg_median": 16440.111328125,
  "summary_fg_n": 37626.0,
  "summary_fg_p05": 12540.86279296875,
  "summary_fg_p95": 20693.7333984375,
  "summary_fg_stdv": 2548.447509765625,
  "tsnr": 46.47802734375
}