{
  "aor": 0.0008789506172839507,
  "aqi": 0.004057178641975309,
  "bids_meta": {
    "AcquisitionNumber": 8,
    "BidsifyVersion": "0.3.5",
    "ConversionSoftware": "dcm2niix",
    "ConversionSoftwareVersion": "v1.0.20181125  GCC6.3.0",
    "EchoTime": 0.02762,
    "EffectiveEchoSpacing": 0.0006621159151938905,
    "ImageComments": "Piop",
    "ImageOrientationPatientDICOM": [
      0.99894,
      0.0396852,
      0.023306,
      -0.0273795,
      0.91949,
      -0.392159
    ],
    "Manufacturer": "Philips",
    "NumberOfVolumesDiscardedByScanner": 2,
    "ParallelAcquisitionTechnique": "SENSE",
    "ParallelReductionFactorInPlane": 2,
    "PatientPosition": "HFS",
    "PhaseEncodingDirection": "j",
    "PhilipsRescaleIntercept": 0,
    "PhilipsRescaleSlope": 0.82173,
    "PhilipsScaleSlope": 0.0670169,
    "ProtocolName": "WIPpiopwmSENSE",
    "PulseSequenceType": "gradient echo EPI",
    "ReconMatrixPE": 80,
    "RepetitionTime": 2,
    "SeriesDescription": "ImageMRSERIES",
    "SeriesNumber": 8,
    "SliceEncodingDirection": "k",
    "SliceTiming": [
      0.0,
      0.0541,
      0.1081,
      0.1622,
      0.2162,
      0.2703,
      0.3243,
      0.3784,
      0.4324,
      0.4865,
      0.5405,
      0.5946,
      0.6486,
      0.7027,
      0.7568,
      0.8108,
      0.8649,
      0.9189,
      0.973,
      1.027,
      1.0811,
      1.1351,
      1.1892,
      1.2432,
      1.2973,
      1.3514,
      1.4054,
      1.4595,
      1.5135,
      1.5676,
      1.6216,
      1.6757,
      1.7297,
      1.7838,
      1.8378,
      1.8919,
      1.9459
    ],
    "TaskName": "workingmemory",
    "TotalReadoutTime": 0.025822520692561732,
    "UsePhilipsFloatNotDisplayScaling": 1,
    "acq_id": "seq",
    "dataset": "ds002785",
    "modality": "bold",
    "subject_id": "0156",
    "task_id": "workingmemory"
  },
  "dummy_trs": 0,
  "dvars_nstd": 25.69390498366459,
  "dvars_std": 1.2992373500621115,
  "dvars_vstd": 1.0057446173913045,
  "efc": 0.46060474661769146,
  "fber": 92485.8828125,
  "fd_mean": 0.12545391770823106,
  "fd_num": 16,
  "fd_perc": 9.876543209876543,
  "fwhm_avg": 1.8073256649505904,
  "fwhm_x": 1.7781566666666666,
  "fwhm_y": 1.9029566666666666,
  "fwhm_z": 1.7408636615184387,
  "gcor": 0.0223292,
  "gsr_x": -0.01805500127375126,
  "gsr_y": 0.027481313794851303,
  "provenance": {
    "md5sum": "76e9672840a15f988d0477ce21123aa2",
    "settings": {
      "fd_thres": 0.2,
      "testing": false
    },
    "software": "mriqc",
    "version": "22.0.0rc1",
    "webapi_port": null,
    "webapi_url": "https://mriqc.nimh.nih.gov/api/v1"
  },
  "size_t": 162,
  "size_x": 80,
  "size_y": 80,
  "size_z": 37,
  "snr": 5.305924946280352,
  "spacing_tr": 2.0,
  "spacing_x": 3.0,
  "spacing_y": 3.0,
  "spacing_z": 3.299999952316284,
  "summary_bg_k": 35.15452871390081,
  "summary_bg_mad": 80.06175273724361,
  "summary_bg_mean": 767.5909423828125,
  "summary_bg_median": 67.71012115478516,
  "summary_bg_n": 156039.0,
  "summary_bg_p05": 4.458019208908082,
  "summary_bg_p95": 4272.020263671876,
  "summary_bg_stdv": 1896.7845458984375,
  "summary_fg_k": 1.5238960327086186,
  "summary_fg_mad": 3716.718706468437,
  "summary_fg_mean": 21348.0078125,
  "summary_fg_median": 20961.623046875,
  "summary_fg_n": 38281.0,
  "summary_fg_p05": 15668.021484375,
  "summary_fg_p95": 27990.70703125,
  "summary_fg_stdv": 3950.55517578125,
  "tsnr": 76.0855941772461
}