{
  "aor": 0.0031821632653061226,
  "aqi": 0.005187029959183674,
  "bids_meta": {
    "AcquisitionNumber": 3,
    "BidsifyVersion": "0.3.5",
    "ConversionSoftware": "dcm2niix",
    "ConversionSoftwareVersion": "v1.0.20181125  GCC6.3.0",
    "EchoTime": 0.02762,
    "EffectiveEchoSpacing": 0.0006621159151938905,
    "ImageComments": "Piop",
    "ImageOrientationPatientDICOM": [
      0.99894,
      0.0396852,
      0.023306,
      -0.0273795,
      0.91949,
      -0.392159
    ],
    "Manufacturer": "Philips",
    "NumberOfVolumesDiscardedByScanner": 2,
    "ParallelAcquisitionTechnique": "SENSE",
    "ParallelReductionFactorInPlane": 2,
    "PatientPosition": "HFS",
    "PhaseEncodingDirection": "j",
    "PhilipsRescaleIntercept": 0,
    "PhilipsRescaleSlope": 0.81636,
    "PhilipsScaleSlope": 0.0681955,
    "ProtocolName": "WIPpiopgstroopSENSE",
    "PulseSequenceType": "gradient echo EPI",
    "ReconMatrixPE": 80,
    "RepetitionTime": 2,
    "SeriesDescription": "ImageMRSERIES",
    "SeriesNumber": 3,
    "SliceEncodingDirection": "k",
    "SliceTiming": [
      0.0,
      0.0541,
      0.1081,
      0.1622,
      0.2162,
      0.2703,
      0.3243,
      0.3784,
      0.4324,
      0.4865,
      0.5405,
      0.5946,
      0.6486,
      0.7027,
      0.7568,
      0.8108,
      0.8649,
      0.9189,
      0.973,
      1.027,
      1.0811,
      1.1351,
      1.1892,
      1.2432,
      1.2973,
      1.3514,
      1.4054,
      1.4595,
      1.5135,
      1.5676,
      1.6216,
      1.6757,
      1.7297,
      1.7838,
      1.8378,
      1.8919,
      1.9459
    ],
    "TaskName": "gstroop",
    "TotalReadoutTime": 0.025822520692561732,
    "UsePhilipsFloatNotDisplayScaling": 1,
    "acq_id": "seq",
    "dataset": "ds002785",
    "modality": "bold",
    "subject_id": "0156",
    "task_id": "gstroop"
  },
  "dummy_trs": 0,
  "dvars_nstd": 25.04391014364755,
  "dvars_std": 1.3234182693442609,
  "dvars_vstd": 1.0282154160245895,
  "efc": 0.4591325455227234,
  "fber": 93185.90625,
  "fd_mean": 0.12753308646932202,
  "fd_num": 19,
  "fd_perc": 7.755102040816326,
  "fwhm_avg": 1.771100311229129,
  "fwhm_x": 1.7466333333333333,
  "fwhm_y": 1.8644433333333332,
  "fwhm_z": 1.7022242670207208,
  "gcor": 0.0383902,
  "gsr_x": -0.018436020240187645,
  "gsr_y": 0.027652598917484283,
  "provenance": {
    "md5sum": "5950debe403a38fd87b05e37c3008018",
    "settings": {
      "fd_thres": 0.2,
      "testing": false
    },
    "software": "mriqc",
    "version": "22.0.0rc1",
    "webapi_port": null,
    "webapi_url": "https://mriqc.nimh.nih.gov/api/v1"
  },
  "size_t": 245,
  "size_x": 80,
  "size_y": 80,
  "size_z": 37,
  "snr": 5.38743029360493,
  "spacing_tr": 2.0,
  "spacing_x": 3.0,
  "spacing_y": 3.0,
  "spacing_z": 3.299999952316284,
  "summary_bg_k": 43.683360921873785,
  "summary_bg_mad": 79.68094599771929,
  "summary_bg_mean": 731.3080444335938,
  "summary_bg_median": 67.18826293945312,
  "summary_bg_n": 155918.0,
  "summary_bg_p05": 3.8819317698478715,
  "summary_bg_p95": 4013.7829956054684,
  "summary_bg_stdv": 1833.942626953125,
  "summary_fg_k": 1.6380055280174295,
  "summary_fg_mad": 3675.544642122868,
  "summary_fg_mean": 21253.658203125,
  "summary_fg_median": 20907.36328125,
  "summary_fg_n": 38426.0,
  "summary_fg_p05": 15719.007568359375,
  "summary_fg_p95": 27719.09765625,
  "summary_fg_stdv": 3880.716796875,
  "tsnr": 71.59500885009766
}