{
  "bids_meta": {
    "AcquisitionNumber": 4,
    "BidsifyVersion": "0.3.5",
    "ConversionSoftware": "dcm2niix",
    "ConversionSoftwareVersion": "v1.0.20181125  GCC6.3.0",
    "EchoTime": 0.00376,
    "ImageComments": "Piop",
    "ImageOrientationPatientDICOM": [
      0.999619,
      0.0258773,
      -0.00963942,
      -0.0265251,
      0.996863,
      -0.0745752
    ],
    "Manufacturer": "Philips",
    "PatientPosition": "HFS",
    "PhilipsRescaleIntercept": 0,
    "PhilipsRescaleSlope": 8.59341,
    "PhilipsScaleSlope": 0.00736327,
    "ProtocolName": "WIPt13dSENSE",
    "ReconMatrixPE": 240,
    "RepetitionTime": 0.008183,
    "SeriesDescription": "ImageMRSERIES",
    "SeriesNumber": 4,
    "UsePhilipsFloatNotDisplayScaling": 1,
    "dataset": "ds002785",
    "modality": "T1w",
    "subject_id": "0056"
  },
  "cjv": 0.33331437946463144,
  "cnr": 3.8607616051549036,
  "efc": 0.7387080218632944,
  "fber": 1428.126953125,
  "fwhm_avg": 3.4217033333333333,
  "fwhm_x": 3.3439,
  "fwhm_y": 3.61686,
  "fwhm_z": 3.30435,
  "icvs_csf": 0.1932074409403437,
  "icvs_gm": 0.4497504564135099,
  "icvs_wm": 0.3570421026461464,
  "inu_med": 1.596919298171997,
  "inu_range": 0.4154026627540588,
  "provenance": {
    "md5sum": "829424e4c0cf30243040f4244bbf26f8",
    "settings": {
      "testing": false
    },
    "software": "mriqc",
    "version": "22.0.0rc1",
    "warnings": {
      "large_rot_frame": true,
      "small_air_mask": true
    },
    "webapi_port": null,
    "webapi_url": "https://mriqc.nimh.nih.gov/api/v1"
  },
  "qi_1": 0.0,
  "qi_2": 0.0001491170957398969,
  "rpve_csf": 30.091050036247747,
  "rpve_gm": 14.450717520913251,
  "rpve_wm": 22.130893380867917,
  "size_x": 240,
  "size_y": 240,
  "size_z": 220,
  "snr_csf": 2.3575756706780835,
  "snr_gm": 7.2691776623499065,
  "snr_total": 9.923209506494667,
  "snr_wm": 20.142875186456006,
  "snrd_csf": 20.90663851196512,
  "snrd_gm": 44.51243214816297,
  "snrd_total": 45.83269891505114,
  "snrd_wm": 72.07902608502535,
  "spacing_x": 1.0,
  "spacing_y": 1.0,
  "spacing_z": 1.0,
  "summary_bg_k": 66.92227249893448,
  "summary_bg_mad": 9.08888340290082,
  "summary_bg_mean": 13.718491554260254,
  "summary_bg_median": 12.217198371887207,
  "summary_bg_n": 205165.0,
  "summary_bg_p05": 0.0,
  "summary_bg_p95": 36.06962127685546,
  "summary_bg_stdv": 11.464805603027344,
  "summary_csf_k": -0.9439550507105166,
  "summary_csf_mad": 155.06429733646718,
  "summary_csf_mean": 273.9271545410156,
  "summary_csf_median": 290.0434265136719,
  "summary_csf_n": 7537.0,
  "summary_csf_p05": 87.05613403320312,
  "summary_csf_p95": 445.6374572753906,
  "summary_csf_stdv": 123.01797485351562,
  "summary_gm_k": -0.004370708495658349,
  "summary_gm_mad": 83.74082824215725,
  "summary_gm_mean": 620.1314697265625,
  "summary_gm_median": 617.532958984375,
  "summary_gm_n": 19358.0,
  "summary_gm_p05": 483.7721466064453,
  "summary_gm_p95": 765.2627441406248,
  "summary_gm_stdv": 84.9500503540039,
  "summary_wm_k": 1.20019040619367,
  "summary_wm_mad": 43.731516976147596,
  "summary_wm_mean": 998.6278076171875,
  "summary_wm_median": 999.9717407226562,
  "summary_wm_n": 172579.0,
  "summary_wm_p05": 915.0970886230468,
  "summary_wm_p95": 1076.781591796875,
  "summary_wm_stdv": 49.643798828125,
  "tpm_overlap_csf": 0.1764485239982605,
  "tpm_overlap_gm": 0.456233948469162,
  "tpm_overlap_wm": 0.49501338601112366,
  "wm2max": 0.7022886292539264
}