{
  "aor": 0.0010079629629629631,
  "aqi": 0.0032910790740740747,
  "bids_meta": {
    "AcquisitionNumber": 8,
    "BidsifyVersion": "0.3.5",
    "ConversionSoftware": "dcm2niix",
    "ConversionSoftwareVersion": "v1.0.20181125  GCC6.3.0",
    "EchoTime": 0.02762,
    "EffectiveEchoSpacing": 0.0006621159151938905,
    "ImageComments": "piop",
    "ImageOrientationPatientDICOM": [
      0.999039,
      0.032826,
      0.0290316,
      -0.0214502,
      0.944004,
      -0.329236
    ],
    "Manufacturer": "Philips",
    "NumberOfVolumesDiscardedByScanner": 2,
    "ParallelAcquisitionTechnique": "SENSE",
    "ParallelReductionFactorInPlane": 2,
    "PatientPosition": "HFS",
    "PhaseEncodingDirection": "j",
    "PhilipsRescaleIntercept": 0,
    "PhilipsRescaleSlope": 0.82442,
    "PhilipsScaleSlope": 0.0566567,
    "ProtocolName": "WIPpiopwmSENSE",
    "PulseSequenceType": "gradient echo EPI",
    "ReconMatrixPE": 80,
    "RepetitionTime": 2,
    "SeriesDescription": "ImageMRSERIES",
    "SeriesNumber": 8,
    "SliceEncodingDirection": "k",
    "SliceTiming": [
      0.0,
      0.0541,
      0.1081,
      0.1622,
      0.2162,
      0.2703,
      0.3243,
      0.3784,
      0.4324,
      0.4865,
      0.5405,
      0.5946,
      0.6486,
      0.7027,
      0.7568,
      0.8108,
      0.8649,
      0.9189,
      0.973,
      1.027,
      1.0811,
      1.1351,
      1.1892,
      1.2432,
      1.2973,
      1.3514,
      1.4054,
      1.4595,
      1.5135,
      1.5676,
      1.6216,
      1.6757,
      1.7297,
      1.7838,
      1.8378,
      1.8919,
      1.9459
    ],
    "TaskName": "workingmemory",
    "TotalReadoutTime": 0.025822520692561732,
    "UsePhilipsFloatNotDisplayScaling": 1,
    "acq_id": "seq",
    "dataset": "ds002785",
    "modality": "bold",
    "subject_id": "0171",
    "task_id": "workingmemory"
  },
  "dummy_trs": 0,
  "dvars_nstd": 21.606818572422355,
  "dvars_std": 1.275791959813665,
  "dvars_vstd": 1.0086673801863348,
  "efc": 0.42130391411564766,
  "fber": 168627.625,
  "fd_mean": 0.1129033716343417,
  "fd_num": 9,
  "fd_perc": 5.555555555555555,
  "fwhm_avg": 1.7869404121741923,
  "fwhm_x": 1.7394833333333333,
  "fwhm_y": 1.9326166666666669,
  "fwhm_z": 1.6887212365225768,
  "gcor": 0.0295423,
  "gsr_x": -0.024930493906140327,
  "gsr_y": 0.019641179591417313,
  "provenance": {
    "md5sum": "c5d60c356c565b8075383f34353835ca",
    "settings": {
      "fd_thres": 0.2,
      "testing": false
    },
    "software": "mriqc",
    "version": "22.0.0rc1",
    "webapi_port": null,
    "webapi_url": "https://mriqc.nimh.nih.gov/api/v1"
  },
  "size_t": 162,
  "size_x": 80,
  "size_y": 80,
  "size_z": 37,
  "snr": 5.150146321744341,
  "spacing_tr": 2.0,
  "spacing_x": 3.0,
  "spacing_y": 3.0,
  "spacing_z": 3.299999952316284,
  "summary_bg_k": 52.566547386938474,
  "summary_bg_mad": 53.82962088239184,
  "summary_bg_mean": 656.8297119140625,
  "summary_bg_median": 55.90283966064453,
  "summary_bg_n": 162007.0,
  "summary_bg_p05": 5.421509552001953,
  "summary_bg_p95": 3956.35627441404,
  "summary_bg_stdv": 2037.4046630859375,
  "summary_fg_k": 1.776726276779999,
  "summary_fg_mad": 4248.689123581063,
  "summary_fg_mean": 24130.830078125,
  "summary_fg_median": 23619.26171875,
  "summary_fg_n": 33152.0,
  "summary_fg_p05": 17746.005761718752,
  "summary_fg_p95": 31893.90595703125,
  "summary_fg_stdv": 4586.06494140625,
  "tsnr": 84.21552276611328
}