{
  "bids_meta": {
    "AcquisitionNumber": 4,
    "BidsifyVersion": "0.3.5",
    "ConversionSoftware": "dcm2niix",
    "ConversionSoftwareVersion": "v1.0.20181125  GCC6.3.0",
    "EchoTime": 0.00374,
    "ImageComments": "Piop",
    "ImageOrientationPatientDICOM": [
      0.996653,
      0.020782,
      -0.0790654,
      -0.0229653,
      0.999377,
      -0.0268052
    ],
    "Manufacturer": "Philips",
    "PatientPosition": "HFS",
    "PhilipsRescaleIntercept": 0,
    "PhilipsRescaleSlope": 8.39634,
    "PhilipsScaleSlope": 0.00722729,
    "ProtocolName": "WIPt13dSENSE",
    "ReconMatrixPE": 240,
    "RepetitionTime": 0.008176,
    "SeriesDescription": "ImageMRSERIES",
    "SeriesNumber": 4,
    "UsePhilipsFloatNotDisplayScaling": 1,
    "dataset": "ds002785",
    "modality": "T1w",
    "subject_id": "0147"
  },
  "cjv": 0.31710860619718223,
  "cnr": 4.019474975646621,
  "efc": 0.7449417912410948,
  "fber": 2125.419921875,
  "fwhm_avg": 3.589593333333333,
  "fwhm_x": 3.55914,
  "fwhm_y": 3.78801,
  "fwhm_z": 3.42163,
  "icvs_csf": 0.19378634969581665,
  "icvs_gm": 0.4296686942628543,
  "icvs_wm": 0.376544956041329,
  "inu_med": 1.6524709463119507,
  "inu_range": 0.3192335903644563,
  "provenance": {
    "md5sum": "413fcfc17c72e29145df2071f6a01e8e",
    "settings": {
      "testing": false
    },
    "software": "mriqc",
    "version": "22.0.0rc1",
    "warnings": {
      "large_rot_frame": true,
      "small_air_mask": true
    },
    "webapi_port": null,
    "webapi_url": "https://mriqc.nimh.nih.gov/api/v1"
  },
  "qi_1": 0.0,
  "qi_2": 0.0003056698883924485,
  "rpve_csf": 30.9178008450725,
  "rpve_gm": 15.39720604323594,
  "rpve_wm": 21.97041465497708,
  "size_x": 240,
  "size_y": 240,
  "size_z": 220,
  "snr_csf": 2.540135113512451,
  "snr_gm": 7.48404535852242,
  "snr_total": 10.461775443144663,
  "snr_wm": 21.36114585739912,
  "snrd_csf": 24.76535230153371,
  "snrd_gm": 52.33181983485527,
  "snrd_total": 53.95479917680345,
  "snrd_wm": 84.76722539402137,
  "spacing_x": 1.0,
  "spacing_y": 1.0,
  "spacing_z": 1.0,
  "summary_bg_k": 2.8612462983627864,
  "summary_bg_mad": 7.728411322628267,
  "summary_bg_mean": 9.259756088256836,
  "summary_bg_median": 5.298525333404541,
  "summary_bg_n": 166056.0,
  "summary_bg_p05": 0.0,
  "summary_bg_p95": 25.838947296142578,
  "summary_bg_stdv": 8.163365364074707,
  "summary_csf_k": -0.9240063327709076,
  "summary_csf_mad": 136.3592261615354,
  "summary_csf_mean": 273.4666442871094,
  "summary_csf_median": 292.1480712890625,
  "summary_csf_n": 8434.0,
  "summary_csf_p05": 89.78819961547852,
  "summary_csf_p95": 438.37434082031245,
  "summary_csf_stdv": 115.00598907470703,
  "summary_gm_k": 0.23744499132795216,
  "summary_gm_mad": 79.54137374659459,
  "summary_gm_mean": 620.1735229492188,
  "summary_gm_median": 617.3399047851562,
  "summary_gm_n": 18477.0,
  "summary_gm_p05": 489.05425415039065,
  "summary_gm_p95": 759.7323852539063,
  "summary_gm_stdv": 82.4852294921875,
  "summary_wm_k": 1.0792652490530488,
  "summary_wm_mad": 41.793564759868545,
  "summary_wm_mean": 997.6000366210938,
  "summary_wm_median": 999.9688720703125,
  "summary_wm_n": 192693.0,
  "summary_wm_p05": 916.5517700195312,
  "summary_wm_p95": 1069.4677978515624,
  "summary_wm_stdv": 46.8123893737793,
  "tpm_overlap_csf": 0.17674848437309265,
  "tpm_overlap_gm": 0.44686397910118103,
  "tpm_overlap_wm": 0.5114010572433472,
  "wm2max": 0.7473349814964048
}