{
  "bids_meta": {
    "AcquisitionNumber": 4,
    "BidsifyVersion": "0.3.5",
    "ConversionSoftware": "dcm2niix",
    "ConversionSoftwareVersion": "v1.0.20181125  GCC6.3.0",
    "EchoTime": 0.00376,
    "ImageComments": "piop",
    "ImageOrientationPatientDICOM": [
      0.999109,
      -0.00791752,
      -0.04146,
      0.00366194,
      0.994805,
      -0.10173
    ],
    "Manufacturer": "Philips",
    "PatientPosition": "HFS",
    "PhilipsRescaleIntercept": 0,
    "PhilipsRescaleSlope": 9.25641,
    "PhilipsScaleSlope": 0.00741234,
    "ProtocolName": "WIPt13dSENSE",
    "ReconMatrixPE": 240,
    "RepetitionTime": 0.008225,
    "SeriesDescription": "ImageMRSERIES",
    "SeriesNumber": 4,
    "UsePhilipsFloatNotDisplayScaling": 1,
    "dataset": "ds002785",
    "modality": "T1w",
    "subject_id": "0033"
  },
  "cjv": 0.33609329817229294,
  "cnr": 3.672354089106189,
  "efc": 0.7445667888105805,
  "fber": 1705.7132568359375,
  "fwhm_avg": 3.7706800000000005,
  "fwhm_x": 3.67911,
  "fwhm_y": 4.0323,
  "fwhm_z": 3.60063,
  "icvs_csf": 0.19764661168103292,
  "icvs_gm": 0.4141246692735659,
  "icvs_wm": 0.3882287190454012,
  "inu_med": 1.6932202577590942,
  "inu_range": 0.4060767352581025,
  "provenance": {
    "md5sum": "fa9bcc700d4890c79fe6e9c7a5f242c6",
    "settings": {
      "testing": false
    },
    "software": "mriqc",
    "version": "22.0.0rc1",
    "warnings": {
      "large_rot_frame": true,
      "small_air_mask": true
    },
    "webapi_port": null,
    "webapi_url": "https://mriqc.nimh.nih.gov/api/v1"
  },
  "qi_1": 0.0,
  "qi_2": 7.618045145997858e-05,
  "rpve_csf": 27.282901997931674,
  "rpve_gm": 14.156684681743098,
  "rpve_wm": 19.61345058365759,
  "size_x": 240,
  "size_y": 240,
  "size_z": 220,
  "snr_csf": 2.0990884564101604,
  "snr_gm": 7.194927929358886,
  "snr_total": 10.09510880771691,
  "snr_wm": 20.991310037381684,
  "snrd_csf": 22.415743736141152,
  "snrd_gm": 48.9734544560014,
  "snrd_total": 49.67333392291882,
  "snrd_wm": 77.63080357661391,
  "spacing_x": 1.0,
  "spacing_y": 1.0,
  "spacing_z": 1.0,
  "summary_bg_k": 111.1206464997192,
  "summary_bg_mad": 8.438954023657562,
  "summary_bg_mean": 12.687790870666504,
  "summary_bg_median": 11.322340965270996,
  "summary_bg_n": 262694.0,
  "summary_bg_p05": 0.0,
  "summary_bg_p95": 29.37337665557858,
  "summary_bg_stdv": 12.150964736938477,
  "summary_csf_k": -1.2839805629384216,
  "summary_csf_mad": 182.68102132702427,
  "summary_csf_mean": 272.8351745605469,
  "summary_csf_median": 288.7420654296875,
  "summary_csf_n": 6248.0,
  "summary_csf_p05": 70.41811828613281,
  "summary_csf_p95": 466.6837371826171,
  "summary_csf_stdv": 137.544921875,
  "summary_gm_k": 0.4441526538847018,
  "summary_gm_mad": 81.40032744378456,
  "summary_gm_mean": 637.8632202148438,
  "summary_gm_median": 630.8377075195312,
  "summary_gm_n": 20995.0,
  "summary_gm_p05": 505.3217254638672,
  "summary_gm_p95": 795.8667419433593,
  "summary_gm_stdv": 87.676025390625,
  "summary_wm_k": 1.1239072709287603,
  "summary_wm_mad": 42.66567040445154,
  "summary_wm_mean": 998.6466064453125,
  "summary_wm_median": 999.979248046875,
  "summary_wm_n": 238462.0,
  "summary_wm_p05": 918.6724792480469,
  "summary_wm_p95": 1073.1950927734374,
  "summary_wm_stdv": 47.637672424316406,
  "tpm_overlap_csf": 0.16890203952789307,
  "tpm_overlap_gm": 0.441261887550354,
  "tpm_overlap_wm": 0.5112502574920654,
  "wm2max": 0.7653990176111727
}