{
  "aor": 0.0010216561844863734,
  "aqi": 0.023765229769392035,
  "bids_meta": {
    "AcquisitionNumber": 6,
    "BidsifyVersion": "0.3.5",
    "ConversionSoftware": "dcm2niix",
    "ConversionSoftwareVersion": "v1.0.20181125  GCC6.3.0",
    "EchoTime": 0.02762,
    "EffectiveEchoSpacing": 0.0006333282667071997,
    "ImageComments": "Piop",
    "ImageOrientationPatientDICOM": [
      0.999005,
      0.028766,
      -0.0340663,
      -0.0378541,
      0.950919,
      -0.307117
    ],
    "Manufacturer": "Philips",
    "NumberOfVolumesDiscardedByScanner": 2,
    "ParallelAcquisitionTechnique": "SENSE",
    "ParallelReductionFactorInPlane": 2,
    "PatientPosition": "HFS",
    "PhaseEncodingDirection": "j",
    "PhilipsRescaleIntercept": 0,
    "PhilipsRescaleSlope": 0.75092,
    "PhilipsScaleSlope": 0.0924263,
    "ProtocolName": "WIPpioprsSENSE",
    "PulseSequenceType": "gradient echo EPI",
    "ReconMatrixPE": 80,
    "RepetitionTime": 0.75,
    "SeriesDescription": "ImageMRSERIES",
    "SeriesNumber": 6,
    "SliceEncodingDirection": "k",
    "SliceTiming": [
      0.0,
      0.06755050505050506,
      0.1351010101010101,
      0.20265151515151517,
      0.2702020202020202,
      0.3377525252525253,
      0.40530303030303033,
      0.47285353535353536,
      0.5404040404040404,
      0.6079545454545455,
      0.6755050505050506,
      0.7430555555555556,
      0.0,
      0.06755050505050506,
      0.1351010101010101,
      0.20265151515151517,
      0.2702020202020202,
      0.3377525252525253,
      0.40530303030303033,
      0.47285353535353536,
      0.5404040404040404,
      0.6079545454545455,
      0.6755050505050506,
      0.7430555555555556,
      0.0,
      0.06755050505050506,
      0.1351010101010101,
      0.20265151515151517,
      0.2702020202020202,
      0.3377525252525253,
      0.40530303030303033,
      0.47285353535353536,
      0.5404040404040404,
      0.6079545454545455,
      0.6755050505050506,
      0.7430555555555556
    ],
    "TaskName": "restingstate",
    "TotalReadoutTime": 0.024699802401580786,
    "UsePhilipsFloatNotDisplayScaling": 1,
    "acq_id": "mb3",
    "dataset": "ds002785",
    "modality": "bold",
    "subject_id": "0001",
    "task_id": "restingstate"
  },
  "dummy_trs": 3,
  "dvars_nstd": 27.748798606659676,
  "dvars_std": 1.0232739891806728,
  "dvars_vstd": 0.9644942419327733,
  "efc": 0.41032768341841697,
  "fber": 152093.359375,
  "fd_mean": 0.15734907040405377,
  "fd_num": 102,
  "fd_perc": 21.38364779874214,
  "fwhm_avg": 1.7223490986404064,
  "fwhm_x": 1.7088766666666666,
  "fwhm_y": 1.85301,
  "fwhm_z": 1.6051606292545526,
  "gcor": 0.00699408,
  "gsr_x": -0.018219133839011192,
  "gsr_y": 0.01014943141490221,
  "provenance": {
    "md5sum": "c48a9ad5e379dbd529fd0d7df2c01c6b",
    "settings": {
      "fd_thres": 0.2,
      "testing": false
    },
    "software": "mriqc",
    "version": "22.0.0rc1",
    "webapi_port": null,
    "webapi_url": "https://mriqc.nimh.nih.gov/api/v1"
  },
  "size_t": 477,
  "size_x": 80,
  "size_y": 80,
  "size_z": 36,
  "snr": 6.624736694183698,
  "spacing_tr": 0.75,
  "spacing_x": 3.0,
  "spacing_y": 3.0,
  "spacing_z": 3.299999952316284,
  "summary_bg_k": 81.38053432257088,
  "summary_bg_mad": 49.23926779575133,
  "summary_bg_mean": 337.5529479980469,
  "summary_bg_median": 45.40660858154297,
  "summary_bg_n": 158584.0,
  "summary_bg_p05": 4.629487133026123,
  "summary_bg_p95": 1664.3343078613284,
  "summary_bg_stdv": 938.2589721679688,
  "summary_fg_k": 1.106870040560901,
  "summary_fg_mad": 2532.0181841214303,
  "summary_fg_mean": 17974.12890625,
  "summary_fg_median": 17939.697265625,
  "summary_fg_n": 32331.0,
  "summary_fg_p05": 13681.494140625,
  "summary_fg_p95": 22376.1591796875,
  "summary_fg_stdv": 2707.944580078125,
  "tsnr": 37.949588775634766
}