{
  "aor": 0.031233851851851856,
  "aqi": 0.01591662259259259,
  "bids_meta": {
    "AcquisitionNumber": 5,
    "BidsifyVersion": "0.3.5",
    "ConversionSoftware": "dcm2niix",
    "ConversionSoftwareVersion": "v1.0.20181125  GCC6.3.0",
    "EchoTime": 0.02762,
    "EffectiveEchoSpacing": 0.0006621159151938905,
    "ImageComments": "Piop",
    "ImageOrientationPatientDICOM": [
      0.999005,
      0.028766,
      -0.0340663,
      -0.0378541,
      0.950919,
      -0.307117
    ],
    "Manufacturer": "Philips",
    "NumberOfVolumesDiscardedByScanner": 2,
    "ParallelAcquisitionTechnique": "SENSE",
    "ParallelReductionFactorInPlane": 2,
    "PatientPosition": "HFS",
    "PhaseEncodingDirection": "j",
    "PhilipsRescaleIntercept": 0,
    "PhilipsRescaleSlope": 0.76777,
    "PhilipsScaleSlope": 0.0604679,
    "ProtocolName": "WIPpiopharririSENSE",
    "PulseSequenceType": "gradient echo EPI",
    "ReconMatrixPE": 80,
    "RepetitionTime": 2,
    "SeriesDescription": "ImageMRSERIES",
    "SeriesNumber": 5,
    "SliceEncodingDirection": "k",
    "SliceTiming": [
      0.0,
      0.0541,
      0.1081,
      0.1622,
      0.2162,
      0.2703,
      0.3243,
      0.3784,
      0.4324,
      0.4865,
      0.5405,
      0.5946,
      0.6486,
      0.7027,
      0.7568,
      0.8108,
      0.8649,
      0.9189,
      0.973,
      1.027,
      1.0811,
      1.1351,
      1.1892,
      1.2432,
      1.2973,
      1.3514,
      1.4054,
      1.4595,
      1.5135,
      1.5676,
      1.6216,
      1.6757,
      1.7297,
      1.7838,
      1.8378,
      1.8919,
      1.9459
    ],
    "TaskName": "emomatching",
    "TotalReadoutTime": 0.025822520692561732,
    "UsePhilipsFloatNotDisplayScaling": 1,
    "acq_id": "seq",
    "dataset": "ds002785",
    "modality": "bold",
    "subject_id": "0001",
    "task_id": "emomatching"
  },
  "dummy_trs": 0,
  "dvars_nstd": 24.07422905559702,
  "dvars_std": 1.198948254925373,
  "dvars_vstd": 1.013555845671642,
  "efc": 0.40688880599109595,
  "fber": 149333.671875,
  "fd_mean": 0.193101376408595,
  "fd_num": 27,
  "fd_perc": 20.0,
  "fwhm_avg": 1.6796164724838025,
  "fwhm_x": 1.62155,
  "fwhm_y": 1.7901266666666666,
  "fwhm_z": 1.6271727507847404,
  "gcor": 0.0107739,
  "gsr_x": -0.01712971180677414,
  "gsr_y": 0.012615044601261616,
  "provenance": {
    "md5sum": "a6154534eada27147d40e214e564bf63",
    "settings": {
      "fd_thres": 0.2,
      "testing": false
    },
    "software": "mriqc",
    "version": "22.0.0rc1",
    "webapi_port": null,
    "webapi_url": "https://mriqc.nimh.nih.gov/api/v1"
  },
  "size_t": 135,
  "size_x": 80,
  "size_y": 80,
  "size_z": 37,
  "snr": 5.305316886330688,
  "spacing_tr": 2.0,
  "spacing_x": 3.0,
  "spacing_y": 3.0,
  "spacing_z": 3.299999952316284,
  "summary_bg_k": 128.4862483191536,
  "summary_bg_mad": 60.96921950296087,
  "summary_bg_mean": 428.4964904785156,
  "summary_bg_median": 60.49326705932617,
  "summary_bg_n": 162648.0,
  "summary_bg_p05": 7.3216787815094,
  "summary_bg_p95": 2077.8093383789055,
  "summary_bg_stdv": 1291.657470703125,
  "summary_fg_k": 1.8826389925017386,
  "summary_fg_mad": 4165.466491237603,
  "summary_fg_mean": 24186.9140625,
  "summary_fg_median": 23776.125,
  "summary_fg_n": 33720.0,
  "summary_fg_p05": 17871.9494140625,
  "summary_fg_p95": 31639.162109375,
  "summary_fg_stdv": 4481.4990234375,
  "tsnr": 48.048301696777344
}