{
  "aor": 0.0038862000000000002,
  "aqi": 0.023918574499999998,
  "bids_meta": {
    "AcquisitionNumber": 9,
    "BidsifyVersion": "0.3.5",
    "ConversionSoftware": "dcm2niix",
    "ConversionSoftwareVersion": "v1.0.20181125  GCC6.3.0",
    "EchoTime": 0.02762,
    "EffectiveEchoSpacing": 0.0006621159151938905,
    "ImageComments": "Piop",
    "ImageOrientationPatientDICOM": [
      0.999005,
      0.028766,
      -0.0340663,
      -0.0378541,
      0.950919,
      -0.307117
    ],
    "Manufacturer": "Philips",
    "NumberOfVolumesDiscardedByScanner": 2,
    "ParallelAcquisitionTechnique": "SENSE",
    "ParallelReductionFactorInPlane": 2,
    "PatientPosition": "HFS",
    "PhaseEncodingDirection": "j",
    "PhilipsRescaleIntercept": 0,
    "PhilipsRescaleSlope": 0.77265,
    "PhilipsScaleSlope": 0.0566698,
    "ProtocolName": "WIPpiopanticipatieSENSE",
    "PulseSequenceType": "gradient echo EPI",
    "ReconMatrixPE": 80,
    "RepetitionTime": 2,
    "SeriesDescription": "ImageMRSERIES",
    "SeriesNumber": 9,
    "SliceEncodingDirection": "k",
    "SliceTiming": [
      0.0,
      0.0541,
      0.1081,
      0.1622,
      0.2162,
      0.2703,
      0.3243,
      0.3784,
      0.4324,
      0.4865,
      0.5405,
      0.5946,
      0.6486,
      0.7027,
      0.7568,
      0.8108,
      0.8649,
      0.9189,
      0.973,
      1.027,
      1.0811,
      1.1351,
      1.1892,
      1.2432,
      1.2973,
      1.3514,
      1.4054,
      1.4595,
      1.5135,
      1.5676,
      1.6216,
      1.6757,
      1.7297,
      1.7838,
      1.8378,
      1.8919,
      1.9459
    ],
    "TaskName": "anticipation",
    "TotalReadoutTime": 0.025822520692561732,
    "UsePhilipsFloatNotDisplayScaling": 1,
    "acq_id": "seq",
    "dataset": "ds002785",
    "modality": "bold",
    "subject_id": "0001",
    "task_id": "anticipation"
  },
  "dummy_trs": 0,
  "dvars_nstd": 28.63999716597991,
  "dvars_std": 1.0430935331658293,
  "dvars_vstd": 0.9189135224120595,
  "efc": 0.39683370454063205,
  "fber": 144101.96875,
  "fd_mean": 0.4237910636944493,
  "fd_num": 148,
  "fd_perc": 74.0,
  "fwhm_avg": 1.6970108159118986,
  "fwhm_x": 1.6495566666666666,
  "fwhm_y": 1.8155999999999999,
  "fwhm_z": 1.6258757810690299,
  "gcor": 0.0120212,
  "gsr_x": -0.015367343090474606,
  "gsr_y": 0.011683080345392227,
  "provenance": {
    "md5sum": "e23a71ac54e1a3a0857bbdb55ce8749d",
    "settings": {
      "fd_thres": 0.2,
      "testing": false
    },
    "software": "mriqc",
    "version": "22.0.0rc1",
    "webapi_port": null,
    "webapi_url": "https://mriqc.nimh.nih.gov/api/v1"
  },
  "size_t": 200,
  "size_x": 80,
  "size_y": 80,
  "size_z": 37,
  "snr": 5.268941155816119,
  "spacing_tr": 2.0,
  "spacing_x": 3.0,
  "spacing_y": 3.0,
  "spacing_z": 3.299999952316284,
  "summary_bg_k": 121.41098878758848,
  "summary_bg_mad": 67.75384793790224,
  "summary_bg_mean": 421.0608215332031,
  "summary_bg_median": 64.20478057861328,
  "summary_bg_n": 164893.0,
  "summary_bg_p05": 9.104140090942384,
  "summary_bg_p95": 2068.960693359375,
  "summary_bg_stdv": 1225.9229736328125,
  "summary_fg_k": 1.8991533776555807,
  "summary_fg_mad": 4357.92968743482,
  "summary_fg_mean": 24853.240234375,
  "summary_fg_median": 24403.732421875,
  "summary_fg_n": 32167.0,
  "summary_fg_p05": 18454.1759765625,
  "summary_fg_p95": 32583.266796874992,
  "summary_fg_stdv": 4631.5478515625,
  "tsnr": 35.70492935180664
}