{
  "aor": 0.0003464133738601824,
  "aqi": 0.007319336443768997,
  "bids_meta": {
    "AcquisitionNumber": 2,
    "BidsifyVersion": "0.3.5",
    "ConversionSoftware": "dcm2niix",
    "ConversionSoftwareVersion": "v1.0.20181125  GCC6.3.0",
    "EchoTime": 0.02762,
    "EffectiveEchoSpacing": 0.0006333282667071997,
    "ImageComments": "Piop",
    "ImageOrientationPatientDICOM": [
      0.999005,
      0.028766,
      -0.0340663,
      -0.0378541,
      0.950919,
      -0.307117
    ],
    "Manufacturer": "Philips",
    "NumberOfVolumesDiscardedByScanner": 2,
    "ParallelAcquisitionTechnique": "SENSE",
    "ParallelReductionFactorInPlane": 2,
    "PatientPosition": "HFS",
    "PhaseEncodingDirection": "j",
    "PhilipsRescaleIntercept": 0,
    "PhilipsRescaleSlope": 0.78144,
    "PhilipsScaleSlope": 0.0925208,
    "ProtocolName": "WIPpiopfacesSENSE",
    "PulseSequenceType": "gradient echo EPI",
    "ReconMatrixPE": 80,
    "RepetitionTime": 0.75,
    "SeriesDescription": "ImageMRSERIES",
    "SeriesNumber": 2,
    "SliceEncodingDirection": "k",
    "SliceTiming": [
      0.0,
      0.06755050505050506,
      0.1351010101010101,
      0.20265151515151517,
      0.2702020202020202,
      0.3377525252525253,
      0.40530303030303033,
      0.47285353535353536,
      0.5404040404040404,
      0.6079545454545455,
      0.6755050505050506,
      0.7430555555555556,
      0.0,
      0.06755050505050506,
      0.1351010101010101,
      0.20265151515151517,
      0.2702020202020202,
      0.3377525252525253,
      0.40530303030303033,
      0.47285353535353536,
      0.5404040404040404,
      0.6079545454545455,
      0.6755050505050506,
      0.7430555555555556,
      0.0,
      0.06755050505050506,
      0.1351010101010101,
      0.20265151515151517,
      0.2702020202020202,
      0.3377525252525253,
      0.40530303030303033,
      0.47285353535353536,
      0.5404040404040404,
      0.6079545454545455,
      0.6755050505050506,
      0.7430555555555556
    ],
    "TaskName": "faces",
    "TotalReadoutTime": 0.024699802401580786,
    "UsePhilipsFloatNotDisplayScaling": 1,
    "acq_id": "mb3",
    "dataset": "ds002785",
    "modality": "bold",
    "subject_id": "0001",
    "task_id": "faces"
  },
  "dummy_trs": 1,
  "dvars_nstd": 26.283044082439012,
  "dvars_std": 1.1476007307621943,
  "dvars_vstd": 1.002466824268293,
  "efc": 0.4154481475908647,
  "fber": 148396.78125,
  "fd_mean": 0.13118443040153122,
  "fd_num": 37,
  "fd_perc": 11.246200607902736,
  "fwhm_avg": 1.8755426757483444,
  "fwhm_x": 1.86944,
  "fwhm_y": 2.0448333333333335,
  "fwhm_z": 1.7123546939116991,
  "gcor": 0.0111343,
  "gsr_x": -0.01998092606663704,
  "gsr_y": 0.011967181228101254,
  "provenance": {
    "md5sum": "defd1fe28fc0395152bfada60fc94f81",
    "settings": {
      "fd_thres": 0.2,
      "testing": false
    },
    "software": "mriqc",
    "version": "22.0.0rc1",
    "webapi_port": null,
    "webapi_url": "https://mriqc.nimh.nih.gov/api/v1"
  },
  "size_t": 329,
  "size_x": 80,
  "size_y": 80,
  "size_z": 36,
  "snr": 6.609533644386671,
  "spacing_tr": 0.75,
  "spacing_x": 3.0,
  "spacing_y": 3.0,
  "spacing_z": 3.299999713897705,
  "summary_bg_k": 91.2894593803723,
  "summary_bg_mad": 50.491632992951295,
  "summary_bg_mean": 335.8183898925781,
  "summary_bg_median": 45.64674758911133,
  "summary_bg_n": 157720.0,
  "summary_bg_p05": 3.730671763420105,
  "summary_bg_p95": 1614.1119689941381,
  "summary_bg_stdv": 922.6939086914062,
  "summary_fg_k": 1.040604762491724,
  "summary_fg_mad": 2554.229708178163,
  "summary_fg_mean": 17850.626953125,
  "summary_fg_median": 17841.55859375,
  "summary_fg_n": 33061.0,
  "summary_fg_p05": 13551.3623046875,
  "summary_fg_p95": 22152.498046875,
  "summary_fg_stdv": 2699.326416015625,
  "tsnr": 59.75347137451172
}