{
  "bids_meta": {
    "AcquisitionNumber": 4,
    "BidsifyVersion": "0.3.5",
    "ConversionSoftware": "dcm2niix",
    "ConversionSoftwareVersion": "v1.0.20181125  GCC6.3.0",
    "EchoTime": 0.00372,
    "ImageComments": "Piop",
    "ImageOrientationPatientDICOM": [
      0.998521,
      -0.0223803,
      -0.0495549,
      0.0238802,
      0.999268,
      0.0298856
    ],
    "Manufacturer": "Philips",
    "PatientPosition": "HFS",
    "PhilipsRescaleIntercept": 0,
    "PhilipsRescaleSlope": 9.57973,
    "PhilipsScaleSlope": 0.0073825,
    "ProtocolName": "WIPt13dSENSE",
    "ReconMatrixPE": 240,
    "RepetitionTime": 0.008148,
    "SeriesDescription": "ImageMRSERIES",
    "SeriesNumber": 4,
    "UsePhilipsFloatNotDisplayScaling": 1,
    "dataset": "ds002785",
    "modality": "T1w",
    "subject_id": "0065"
  },
  "cjv": 0.3215412763334565,
  "cnr": 3.820894424977488,
  "efc": 0.7620371485220867,
  "fber": 156.5767364501953,
  "fwhm_avg": 3.476793470727214,
  "fwhm_x": 3.51512,
  "fwhm_y": 3.6111402152407295,
  "fwhm_z": 3.304120196940911,
  "icvs_csf": 0.23001225933026326,
  "icvs_gm": 0.40399066791065136,
  "icvs_wm": 0.3659970727590854,
  "inu_med": 0.5809423327445984,
  "inu_range": 0.2134706676006317,
  "provenance": {
    "md5sum": "f252ac97f7a3bbb3e2b1cb2814e02a7e",
    "settings": {
      "testing": false
    },
    "software": "mriqc",
    "version": "22.0.0rc1",
    "warnings": {
      "large_rot_frame": true,
      "small_air_mask": true
    },
    "webapi_port": null,
    "webapi_url": "https://mriqc.nimh.nih.gov/api/v1"
  },
  "qi_1": 0.0,
  "qi_2": 0.00010558309457575202,
  "rpve_csf": 28.36321258377861,
  "rpve_gm": 16.211934295116997,
  "rpve_wm": 23.75855442388343,
  "size_x": 240,
  "size_y": 240,
  "size_z": 220,
  "snr_csf": 4.577581033991793,
  "snr_gm": 7.297258962827087,
  "snr_total": 10.320915055551948,
  "snr_wm": 19.087905169836965,
  "snrd_csf": 19.396695162883216,
  "snrd_gm": 32.71969476799866,
  "snrd_total": 35.11966876947748,
  "snrd_wm": 53.24261637755055,
  "spacing_x": 1.0,
  "spacing_y": 0.9999999403953552,
  "spacing_z": 0.9999999403953552,
  "summary_bg_k": 513.6433782856556,
  "summary_bg_mad": 12.30472772187157,
  "summary_bg_mean": 19.665998458862305,
  "summary_bg_median": 16.57208824157715,
  "summary_bg_n": 152049.0,
  "summary_bg_p05": 0.0,
  "summary_bg_p95": 48.87802200317383,
  "summary_bg_stdv": 18.47148323059082,
  "summary_csf_k": 2.008729276757273,
  "summary_csf_mad": 62.83436334041022,
  "summary_csf_mean": 357.6739196777344,
  "summary_csf_median": 364.30743408203125,
  "summary_csf_n": 6348.0,
  "summary_csf_p05": 217.30485916137695,
  "summary_csf_p95": 476.5174880981445,
  "summary_csf_stdv": 79.57887268066406,
  "summary_gm_k": 0.44287350344910204,
  "summary_gm_mad": 77.69128815349478,
  "summary_gm_mean": 617.1439819335938,
  "summary_gm_median": 614.5391235351562,
  "summary_gm_n": 9249.0,
  "summary_gm_p05": 483.6255249023437,
  "summary_gm_p95": 763.7088378906251,
  "summary_gm_stdv": 84.21051025390625,
  "summary_wm_k": 1.102888196999121,
  "summary_wm_mad": 46.25005853775941,
  "summary_wm_mean": 996.8671875,
  "summary_wm_median": 999.999267578125,
  "summary_wm_n": 170533.0,
  "summary_wm_p05": 904.686669921875,
  "summary_wm_p95": 1076.04638671875,
  "summary_wm_stdv": 52.38900375366211,
  "tpm_overlap_csf": 0.14506088197231293,
  "tpm_overlap_gm": 0.4313264489173889,
  "tpm_overlap_wm": 0.49832966923713684,
  "wm2max": 0.6022901394768084
}