{
  "aor": 0.0006316842105263159,
  "aqi": 0.009039910294736843,
  "bids_meta": {
    "AcquisitionNumber": 6,
    "BidsifyVersion": "0.3.5",
    "ConversionSoftware": "dcm2niix",
    "ConversionSoftwareVersion": "v1.0.20181125  GCC6.3.0",
    "EchoTime": 0.02762,
    "EffectiveEchoSpacing": 0.0006333282667071997,
    "ImageComments": "piop",
    "ImageOrientationPatientDICOM": [
      0.996469,
      0.0794388,
      0.0271764,
      -0.0756245,
      0.989834,
      -0.120459
    ],
    "Manufacturer": "Philips",
    "NumberOfVolumesDiscardedByScanner": 2,
    "ParallelAcquisitionTechnique": "SENSE",
    "ParallelReductionFactorInPlane": 2,
    "PatientPosition": "HFS",
    "PhaseEncodingDirection": "j",
    "PhilipsRescaleIntercept": 0,
    "PhilipsRescaleSlope": 0.75385,
    "PhilipsScaleSlope": 0.078162,
    "ProtocolName": "WIPpioprsSENSE",
    "PulseSequenceType": "gradient echo EPI",
    "ReconMatrixPE": 80,
    "RepetitionTime": 0.75,
    "SeriesDescription": "ImageMRSERIES",
    "SeriesNumber": 6,
    "SliceEncodingDirection": "k",
    "SliceTiming": [
      0.0,
      0.06755050505050506,
      0.1351010101010101,
      0.20265151515151517,
      0.2702020202020202,
      0.3377525252525253,
      0.40530303030303033,
      0.47285353535353536,
      0.5404040404040404,
      0.6079545454545455,
      0.6755050505050506,
      0.7430555555555556,
      0.0,
      0.06755050505050506,
      0.1351010101010101,
      0.20265151515151517,
      0.2702020202020202,
      0.3377525252525253,
      0.40530303030303033,
      0.47285353535353536,
      0.5404040404040404,
      0.6079545454545455,
      0.6755050505050506,
      0.7430555555555556,
      0.0,
      0.06755050505050506,
      0.1351010101010101,
      0.20265151515151517,
      0.2702020202020202,
      0.3377525252525253,
      0.40530303030303033,
      0.47285353535353536,
      0.5404040404040404,
      0.6079545454545455,
      0.6755050505050506,
      0.7430555555555556
    ],
    "TaskName": "restingstate",
    "TotalReadoutTime": 0.024699802401580786,
    "UsePhilipsFloatNotDisplayScaling": 1,
    "acq_id": "mb3",
    "dataset": "ds002785",
    "modality": "bold",
    "subject_id": "0078",
    "task_id": "restingstate"
  },
  "dummy_trs": 5,
  "dvars_nstd": 23.999864050991537,
  "dvars_std": 1.0760385448312237,
  "dvars_vstd": 1.0043094263502108,
  "efc": 0.447958395031509,
  "fber": 182655.8125,
  "fd_mean": 0.07736297011749009,
  "fd_num": 3,
  "fd_perc": 0.631578947368421,
  "fwhm_avg": 1.7048500077347162,
  "fwhm_x": 1.6310533333333332,
  "fwhm_y": 1.87763,
  "fwhm_z": 1.6058666898708154,
  "gcor": 0.0154616,
  "gsr_x": -0.017701130360364914,
  "gsr_y": 0.015661241486668587,
  "provenance": {
    "md5sum": "2cd37d671add015872c08b0da56657dd",
    "settings": {
      "fd_thres": 0.2,
      "testing": false
    },
    "software": "mriqc",
    "version": "22.0.0rc1",
    "webapi_port": null,
    "webapi_url": "https://mriqc.nimh.nih.gov/api/v1"
  },
  "size_t": 475,
  "size_x": 80,
  "size_y": 80,
  "size_z": 36,
  "snr": 6.392681251725288,
  "spacing_tr": 0.75,
  "spacing_x": 3.0,
  "spacing_y": 3.0,
  "spacing_z": 3.299999952316284,
  "summary_bg_k": 41.43423196829023,
  "summary_bg_mad": 50.79059287223704,
  "summary_bg_mean": 568.7052001953125,
  "summary_bg_median": 45.38470458984375,
  "summary_bg_n": 152372.0,
  "summary_bg_p05": 2.455318009853363,
  "summary_bg_p95": 3409.6478637695272,
  "summary_bg_stdv": 1602.998291015625,
  "summary_fg_k": 1.8211498190515547,
  "summary_fg_mad": 2783.820217548367,
  "summary_fg_mean": 19849.62890625,
  "summary_fg_median": 19683.337890625,
  "summary_fg_n": 37207.0,
  "summary_fg_p05": 15242.3544921875,
  "summary_fg_p95": 25014.200390625,
  "summary_fg_stdv": 3079.001220703125,
  "tsnr": 54.37983322143555
}