{
  "aor": 0.0011781,
  "aqi": 0.0039604634,
  "bids_meta": {
    "AcquisitionNumber": 10,
    "BidsifyVersion": "0.3.5",
    "ConversionSoftware": "dcm2niix",
    "ConversionSoftwareVersion": "v1.0.20181125  GCC6.3.0",
    "EchoTime": 0.02762,
    "EffectiveEchoSpacing": 0.0006621159151938905,
    "ImageComments": "piop",
    "ImageOrientationPatientDICOM": [
      0.996469,
      0.0794388,
      0.0271764,
      -0.0756245,
      0.989834,
      -0.120459
    ],
    "Manufacturer": "Philips",
    "NumberOfVolumesDiscardedByScanner": 2,
    "ParallelAcquisitionTechnique": "SENSE",
    "ParallelReductionFactorInPlane": 2,
    "PatientPosition": "HFS",
    "PhaseEncodingDirection": "j",
    "PhilipsRescaleIntercept": 0,
    "PhilipsRescaleSlope": 0.76166,
    "PhilipsScaleSlope": 0.0501081,
    "ProtocolName": "WIPpiopanticipatieSENSE",
    "PulseSequenceType": "gradient echo EPI",
    "ReconMatrixPE": 80,
    "RepetitionTime": 2,
    "SeriesDescription": "ImageMRSERIES",
    "SeriesNumber": 10,
    "SliceEncodingDirection": "k",
    "SliceTiming": [
      0.0,
      0.0541,
      0.1081,
      0.1622,
      0.2162,
      0.2703,
      0.3243,
      0.3784,
      0.4324,
      0.4865,
      0.5405,
      0.5946,
      0.6486,
      0.7027,
      0.7568,
      0.8108,
      0.8649,
      0.9189,
      0.973,
      1.027,
      1.0811,
      1.1351,
      1.1892,
      1.2432,
      1.2973,
      1.3514,
      1.4054,
      1.4595,
      1.5135,
      1.5676,
      1.6216,
      1.6757,
      1.7297,
      1.7838,
      1.8378,
      1.8919,
      1.9459
    ],
    "TaskName": "anticipation",
    "TotalReadoutTime": 0.025822520692561732,
    "UsePhilipsFloatNotDisplayScaling": 1,
    "acq_id": "seq",
    "dataset": "ds002785",
    "modality": "bold",
    "subject_id": "0078",
    "task_id": "anticipation"
  },
  "dummy_trs": 0,
  "dvars_nstd": 21.313051540401993,
  "dvars_std": 1.2097965643718587,
  "dvars_vstd": 0.9976248653768847,
  "efc": 0.4425138994389366,
  "fber": 182524.28125,
  "fd_mean": 0.09175020707695018,
  "fd_num": 7,
  "fd_perc": 3.5,
  "fwhm_avg": 1.663286775286721,
  "fwhm_x": 1.59935,
  "fwhm_y": 1.8105466666666665,
  "fwhm_z": 1.5799636591934962,
  "gcor": 0.0145437,
  "gsr_x": -0.016544286161661148,
  "gsr_y": 0.017435310408473015,
  "provenance": {
    "md5sum": "2a37f21ca506fadd0a3b7a4c5241bbce",
    "settings": {
      "fd_thres": 0.2,
      "testing": false
    },
    "software": "mriqc",
    "version": "22.0.0rc1",
    "webapi_port": null,
    "webapi_url": "https://mriqc.nimh.nih.gov/api/v1"
  },
  "size_t": 200,
  "size_x": 80,
  "size_y": 80,
  "size_z": 37,
  "snr": 5.123047369635038,
  "spacing_tr": 2.0,
  "spacing_x": 3.0,
  "spacing_y": 3.0,
  "spacing_z": 3.299999952316284,
  "summary_bg_k": 58.43113590743846,
  "summary_bg_mad": 66.47266140240917,
  "summary_bg_mean": 782.95068359375,
  "summary_bg_median": 62.3797607421875,
  "summary_bg_n": 157049.0,
  "summary_bg_p05": 3.9268261909484865,
  "summary_bg_p95": 4737.620117187501,
  "summary_bg_stdv": 2293.300048828125,
  "summary_fg_k": 1.8429032473150615,
  "summary_fg_mad": 4760.884754462877,
  "summary_fg_mean": 27983.654296875,
  "summary_fg_median": 27250.07421875,
  "summary_fg_n": 38099.0,
  "summary_fg_p05": 20846.9708984375,
  "summary_fg_p95": 37344.42578125,
  "summary_fg_stdv": 5319.04443359375,
  "tsnr": 78.68202209472656
}