{
  "aor": 0.0016312592592592592,
  "aqi": 0.004121808222222222,
  "bids_meta": {
    "AcquisitionNumber": 5,
    "BidsifyVersion": "0.3.5",
    "ConversionSoftware": "dcm2niix",
    "ConversionSoftwareVersion": "v1.0.20181125  GCC6.3.0",
    "EchoTime": 0.02762,
    "EffectiveEchoSpacing": 0.0006621159151938905,
    "ImageComments": "piop",
    "ImageOrientationPatientDICOM": [
      0.996469,
      0.0794388,
      0.0271764,
      -0.0756245,
      0.989834,
      -0.120459
    ],
    "Manufacturer": "Philips",
    "NumberOfVolumesDiscardedByScanner": 2,
    "ParallelAcquisitionTechnique": "SENSE",
    "ParallelReductionFactorInPlane": 2,
    "PatientPosition": "HFS",
    "PhaseEncodingDirection": "j",
    "PhilipsRescaleIntercept": 0,
    "PhilipsRescaleSlope": 0.74945,
    "PhilipsScaleSlope": 0.0507616,
    "ProtocolName": "WIPpiopharririSENSE",
    "PulseSequenceType": "gradient echo EPI",
    "ReconMatrixPE": 80,
    "RepetitionTime": 2,
    "SeriesDescription": "ImageMRSERIES",
    "SeriesNumber": 5,
    "SliceEncodingDirection": "k",
    "SliceTiming": [
      0.0,
      0.0541,
      0.1081,
      0.1622,
      0.2162,
      0.2703,
      0.3243,
      0.3784,
      0.4324,
      0.4865,
      0.5405,
      0.5946,
      0.6486,
      0.7027,
      0.7568,
      0.8108,
      0.8649,
      0.9189,
      0.973,
      1.027,
      1.0811,
      1.1351,
      1.1892,
      1.2432,
      1.2973,
      1.3514,
      1.4054,
      1.4595,
      1.5135,
      1.5676,
      1.6216,
      1.6757,
      1.7297,
      1.7838,
      1.8378,
      1.8919,
      1.9459
    ],
    "TaskName": "emomatching",
    "TotalReadoutTime": 0.025822520692561732,
    "UsePhilipsFloatNotDisplayScaling": 1,
    "acq_id": "seq",
    "dataset": "ds002785",
    "modality": "bold",
    "subject_id": "0078",
    "task_id": "emomatching"
  },
  "dummy_trs": 0,
  "dvars_nstd": 21.258513272686578,
  "dvars_std": 1.2429542729850747,
  "dvars_vstd": 1.002592156567164,
  "efc": 0.4428388839892977,
  "fber": 179894.421875,
  "fd_mean": 0.08826374189059527,
  "fd_num": 3,
  "fd_perc": 2.2222222222222223,
  "fwhm_avg": 1.6740838461035503,
  "fwhm_x": 1.5973433333333331,
  "fwhm_y": 1.8221566666666666,
  "fwhm_z": 1.6027515383106512,
  "gcor": 0.015005,
  "gsr_x": -0.016913998872041702,
  "gsr_y": 0.016844868659973145,
  "provenance": {
    "md5sum": "e26b03ca2f9e9ce81932853d329305cf",
    "settings": {
      "fd_thres": 0.2,
      "testing": false
    },
    "software": "mriqc",
    "version": "22.0.0rc1",
    "webapi_port": null,
    "webapi_url": "https://mriqc.nimh.nih.gov/api/v1"
  },
  "size_t": 135,
  "size_x": 80,
  "size_y": 80,
  "size_z": 37,
  "snr": 5.096900408743716,
  "spacing_tr": 2.0,
  "spacing_x": 3.0,
  "spacing_y": 3.0,
  "spacing_z": 3.299999952316284,
  "summary_bg_k": 57.883799926368404,
  "summary_bg_mad": 69.02087689586739,
  "summary_bg_mean": 783.9180297851562,
  "summary_bg_median": 63.46279525756836,
  "summary_bg_n": 156882.0,
  "summary_bg_p05": 3.772031319141388,
  "summary_bg_p95": 4698.461962890613,
  "summary_bg_stdv": 2302.650390625,
  "summary_fg_k": 1.7954716468700722,
  "summary_fg_mad": 4802.986893048741,
  "summary_fg_mean": 28143.421875,
  "summary_fg_median": 27412.384765625,
  "summary_fg_n": 38240.0,
  "summary_fg_p05": 20852.34619140625,
  "summary_fg_p95": 37591.690624999996,
  "summary_fg_stdv": 5378.17578125,
  "tsnr": 79.40165710449219
}