{
  "aor": 0.002562254697286012,
  "aqi": 0.01641371745302714,
  "bids_meta": {
    "AcquisitionNumber": 6,
    "BidsifyVersion": "0.3.5",
    "ConversionSoftware": "dcm2niix",
    "ConversionSoftwareVersion": "v1.0.20181125  GCC6.3.0",
    "EchoTime": 0.02762,
    "EffectiveEchoSpacing": 0.0006333282667071997,
    "ImageComments": "piop",
    "ImageOrientationPatientDICOM": [
      0.99835,
      0.0522364,
      0.0238441,
      -0.0476049,
      0.985145,
      -0.164993
    ],
    "Manufacturer": "Philips",
    "NumberOfVolumesDiscardedByScanner": 2,
    "ParallelAcquisitionTechnique": "SENSE",
    "ParallelReductionFactorInPlane": 2,
    "PatientPosition": "HFS",
    "PhaseEncodingDirection": "j",
    "PhilipsRescaleIntercept": 0,
    "PhilipsRescaleSlope": 0.75092,
    "PhilipsScaleSlope": 0.10189,
    "ProtocolName": "WIPpioprsSENSE",
    "PulseSequenceType": "gradient echo EPI",
    "ReconMatrixPE": 80,
    "RepetitionTime": 0.75,
    "SeriesDescription": "ImageMRSERIES",
    "SeriesNumber": 6,
    "SliceEncodingDirection": "k",
    "SliceTiming": [
      0.0,
      0.06755050505050506,
      0.1351010101010101,
      0.20265151515151517,
      0.2702020202020202,
      0.3377525252525253,
      0.40530303030303033,
      0.47285353535353536,
      0.5404040404040404,
      0.6079545454545455,
      0.6755050505050506,
      0.7430555555555556,
      0.0,
      0.06755050505050506,
      0.1351010101010101,
      0.20265151515151517,
      0.2702020202020202,
      0.3377525252525253,
      0.40530303030303033,
      0.47285353535353536,
      0.5404040404040404,
      0.6079545454545455,
      0.6755050505050506,
      0.7430555555555556,
      0.0,
      0.06755050505050506,
      0.1351010101010101,
      0.20265151515151517,
      0.2702020202020202,
      0.3377525252525253,
      0.40530303030303033,
      0.47285353535353536,
      0.5404040404040404,
      0.6079545454545455,
      0.6755050505050506,
      0.7430555555555556
    ],
    "TaskName": "restingstate",
    "TotalReadoutTime": 0.024699802401580786,
    "UsePhilipsFloatNotDisplayScaling": 1,
    "acq_id": "mb3",
    "dataset": "ds002785",
    "modality": "bold",
    "subject_id": "0050",
    "task_id": "restingstate"
  },
  "dummy_trs": 1,
  "dvars_nstd": 30.80048243064855,
  "dvars_std": 1.1022498018619256,
  "dvars_vstd": 1.0188461159414228,
  "efc": 0.4073958957609779,
  "fber": 184570.140625,
  "fd_mean": 0.12062699257700428,
  "fd_num": 52,
  "fd_perc": 10.855949895615867,
  "fwhm_avg": 1.8369138467200672,
  "fwhm_x": 1.8228833333333334,
  "fwhm_y": 1.9571066666666666,
  "fwhm_z": 1.7307515401602014,
  "gcor": 0.0192225,
  "gsr_x": -0.02520679496228695,
  "gsr_y": 0.011355959810316563,
  "provenance": {
    "md5sum": "eb3db11d0f0cdd689fbe4a833ea4b284",
    "settings": {
      "fd_thres": 0.2,
      "testing": false
    },
    "software": "mriqc",
    "version": "22.0.0rc1",
    "webapi_port": null,
    "webapi_url": "https://mriqc.nimh.nih.gov/api/v1"
  },
  "size_t": 479,
  "size_x": 80,
  "size_y": 80,
  "size_z": 36,
  "snr": 6.764743537815272,
  "spacing_tr": 0.75,
  "spacing_x": 3.0,
  "spacing_y": 3.0,
  "spacing_z": 3.299999952316284,
  "summary_bg_k": 36.015386391743476,
  "summary_bg_mad": 42.05657926666822,
  "summary_bg_mean": 372.3663330078125,
  "summary_bg_median": 36.732303619384766,
  "summary_bg_n": 160742.0,
  "summary_bg_p05": 2.124444615840912,
  "summary_bg_p95": 1971.1441467285151,
  "summary_bg_stdv": 1030.9259033203125,
  "summary_fg_k": 0.9423020101272361,
  "summary_fg_mad": 2255.979079270877,
  "summary_fg_mean": 16177.1357421875,
  "summary_fg_median": 16093.537109375,
  "summary_fg_n": 29799.0,
  "summary_fg_p05": 12445.064453125,
  "summary_fg_p95": 20112.853124999998,
  "summary_fg_stdv": 2378.991455078125,
  "tsnr": 40.418880462646484
}