{
  "aor": 0.0014003688524590165,
  "aqi": 0.016334515409836065,
  "bids_meta": {
    "AcquisitionNumber": 3,
    "BidsifyVersion": "0.3.5",
    "ConversionSoftware": "dcm2niix",
    "ConversionSoftwareVersion": "v1.0.20181125  GCC6.3.0",
    "EchoTime": 0.02762,
    "EffectiveEchoSpacing": 0.0006621159151938905,
    "ImageComments": "Piop",
    "ImageOrientationPatientDICOM": [
      0.999039,
      0.032826,
      0.0290316,
      -0.0214502,
      0.944004,
      -0.329236
    ],
    "Manufacturer": "Philips",
    "NumberOfVolumesDiscardedByScanner": 2,
    "ParallelAcquisitionTechnique": "SENSE",
    "ParallelReductionFactorInPlane": 2,
    "PatientPosition": "HFS",
    "PhaseEncodingDirection": "j",
    "PhilipsRescaleIntercept": 0,
    "PhilipsRescaleSlope": 0.842,
    "PhilipsScaleSlope": 0.0556726,
    "ProtocolName": "WIPpiopgstroopSENSE",
    "PulseSequenceType": "gradient echo EPI",
    "ReconMatrixPE": 80,
    "RepetitionTime": 2,
    "SeriesDescription": "ImageMRSERIES",
    "SeriesNumber": 3,
    "SliceEncodingDirection": "k",
    "SliceTiming": [
      0.0,
      0.0541,
      0.1081,
      0.1622,
      0.2162,
      0.2703,
      0.3243,
      0.3784,
      0.4324,
      0.4865,
      0.5405,
      0.5946,
      0.6486,
      0.7027,
      0.7568,
      0.8108,
      0.8649,
      0.9189,
      0.973,
      1.027,
      1.0811,
      1.1351,
      1.1892,
      1.2432,
      1.2973,
      1.3514,
      1.4054,
      1.4595,
      1.5135,
      1.5676,
      1.6216,
      1.6757,
      1.7297,
      1.7838,
      1.8378,
      1.8919,
      1.9459
    ],
    "TaskName": "gstroop",
    "TotalReadoutTime": 0.025822520692561732,
    "UsePhilipsFloatNotDisplayScaling": 1,
    "acq_id": "seq",
    "dataset": "ds002785",
    "modality": "bold",
    "subject_id": "0198",
    "task_id": "gstroop"
  },
  "dummy_trs": 1,
  "dvars_nstd": 21.962499100946513,
  "dvars_std": 1.1335356171193405,
  "dvars_vstd": 0.9060850377777774,
  "efc": 0.43982904703585324,
  "fber": 165847.4375,
  "fd_mean": 0.12524118670829945,
  "fd_num": 24,
  "fd_perc": 9.836065573770492,
  "fwhm_avg": 1.798836069011487,
  "fwhm_x": 1.7516533333333333,
  "fwhm_y": 1.8997366666666666,
  "fwhm_z": 1.7451182070344609,
  "gcor": 0.0101772,
  "gsr_x": -0.022328857332468033,
  "gsr_y": 0.014378739520907402,
  "provenance": {
    "md5sum": "31b96aa23ae3a4427e97c4319e9e57d5",
    "settings": {
      "fd_thres": 0.2,
      "testing": false
    },
    "software": "mriqc",
    "version": "22.0.0rc1",
    "webapi_port": null,
    "webapi_url": "https://mriqc.nimh.nih.gov/api/v1"
  },
  "size_t": 244,
  "size_x": 80,
  "size_y": 80,
  "size_z": 37,
  "snr": 5.483111095737041,
  "spacing_tr": 2.0,
  "spacing_x": 3.0,
  "spacing_y": 3.0,
  "spacing_z": 3.299999952316284,
  "summary_bg_k": 65.95267334479969,
  "summary_bg_mad": 60.67239959107634,
  "summary_bg_mean": 590.09619140625,
  "summary_bg_median": 60.201438903808594,
  "summary_bg_n": 156510.0,
  "summary_bg_p05": 9.78049612045288,
  "summary_bg_p95": 2907.646789550768,
  "summary_bg_stdv": 1759.9176025390625,
  "summary_fg_k": 2.640817186792245,
  "summary_fg_mad": 3909.561240342654,
  "summary_fg_mean": 25567.984375,
  "summary_fg_median": 25094.681640625,
  "summary_fg_n": 38393.0,
  "summary_fg_p05": 19278.8734375,
  "summary_fg_p95": 33360.61875,
  "summary_fg_stdv": 4576.66357421875,
  "tsnr": 47.87364196777344
}