{
  "aor": 0.0016969499999999998,
  "aqi": 0.0050907741999999985,
  "bids_meta": {
    "AcquisitionNumber": 9,
    "BidsifyVersion": "0.3.5",
    "ConversionSoftware": "dcm2niix",
    "ConversionSoftwareVersion": "v1.0.20181125  GCC6.3.0",
    "EchoTime": 0.02762,
    "EffectiveEchoSpacing": 0.0006621159151938905,
    "ImageComments": "Piop",
    "ImageOrientationPatientDICOM": [
      0.998448,
      -0.0489576,
      0.02655,
      0.0556471,
      0.896385,
      -0.43977
    ],
    "Manufacturer": "Philips",
    "NumberOfVolumesDiscardedByScanner": 2,
    "ParallelAcquisitionTechnique": "SENSE",
    "ParallelReductionFactorInPlane": 2,
    "PatientPosition": "HFS",
    "PhaseEncodingDirection": "j",
    "PhilipsRescaleIntercept": 0,
    "PhilipsRescaleSlope": 0.76166,
    "PhilipsScaleSlope": 0.060426,
    "ProtocolName": "WIPpiopanticipatieSENSE",
    "PulseSequenceType": "gradient echo EPI",
    "ReconMatrixPE": 80,
    "RepetitionTime": 2,
    "SeriesDescription": "ImageMRSERIES",
    "SeriesNumber": 9,
    "SliceEncodingDirection": "k",
    "SliceTiming": [
      0.0,
      0.0541,
      0.1081,
      0.1622,
      0.2162,
      0.2703,
      0.3243,
      0.3784,
      0.4324,
      0.4865,
      0.5405,
      0.5946,
      0.6486,
      0.7027,
      0.7568,
      0.8108,
      0.8649,
      0.9189,
      0.973,
      1.027,
      1.0811,
      1.1351,
      1.1892,
      1.2432,
      1.2973,
      1.3514,
      1.4054,
      1.4595,
      1.5135,
      1.5676,
      1.6216,
      1.6757,
      1.7297,
      1.7838,
      1.8378,
      1.8919,
      1.9459
    ],
    "TaskName": "anticipation",
    "TotalReadoutTime": 0.025822520692561732,
    "UsePhilipsFloatNotDisplayScaling": 1,
    "acq_id": "seq",
    "dataset": "ds002785",
    "modality": "bold",
    "subject_id": "0095",
    "task_id": "anticipation"
  },
  "dummy_trs": 0,
  "dvars_nstd": 28.8462283743216,
  "dvars_std": 1.3734580251256285,
  "dvars_vstd": 0.9806114145728645,
  "efc": 0.43728921331249065,
  "fber": 139496.09375,
  "fd_mean": 0.13396909263715262,
  "fd_num": 18,
  "fd_perc": 9.0,
  "fwhm_avg": 1.8349394025618855,
  "fwhm_x": 1.8078133333333335,
  "fwhm_y": 1.90682,
  "fwhm_z": 1.7901848743523232,
  "gcor": 0.0136999,
  "gsr_x": -0.024122286587953568,
  "gsr_y": 0.015230141580104828,
  "provenance": {
    "md5sum": "b118d1490681b1fd9639553b51e7cb66",
    "settings": {
      "fd_thres": 0.2,
      "testing": false
    },
    "software": "mriqc",
    "version": "22.0.0rc1",
    "webapi_port": null,
    "webapi_url": "https://mriqc.nimh.nih.gov/api/v1"
  },
  "size_t": 200,
  "size_x": 80,
  "size_y": 80,
  "size_z": 37,
  "snr": 4.970578397682907,
  "spacing_tr": 2.0,
  "spacing_x": 3.0,
  "spacing_y": 3.0,
  "spacing_z": 3.299999952316284,
  "summary_bg_k": 40.5475666475829,
  "summary_bg_mad": 61.70293917501157,
  "summary_bg_mean": 554.6539916992188,
  "summary_bg_median": 63.13164520263672,
  "summary_bg_n": 156686.0,
  "summary_bg_p05": 6.061344504356384,
  "summary_bg_p95": 2998.357177734375,
  "summary_bg_stdv": 1690.987548828125,
  "summary_fg_k": 0.7029103074228065,
  "summary_fg_mad": 4911.235677098127,
  "summary_fg_mean": 24709.501953125,
  "summary_fg_median": 24327.599609375,
  "summary_fg_n": 38061.0,
  "summary_fg_p05": 17531.779296875,
  "summary_fg_p95": 33035.9609375,
  "summary_fg_stdv": 4894.25537109375,
  "tsnr": 71.45474243164062
}