{
  "aor": 0.007163900000000001,
  "aqi": 0.0092611424,
  "bids_meta": {
    "AcquisitionNumber": 9,
    "BidsifyVersion": "0.3.5",
    "ConversionSoftware": "dcm2niix",
    "ConversionSoftwareVersion": "v1.0.20181125  GCC6.3.0",
    "EchoTime": 0.02762,
    "EffectiveEchoSpacing": 0.0006621159151938905,
    "ImageComments": "piop",
    "ImageOrientationPatientDICOM": [
      0.999021,
      0.0283802,
      0.0339334,
      -0.0237177,
      0.991141,
      -0.130676
    ],
    "Manufacturer": "Philips",
    "NumberOfVolumesDiscardedByScanner": 2,
    "ParallelAcquisitionTechnique": "SENSE",
    "ParallelReductionFactorInPlane": 2,
    "PatientPosition": "HFS",
    "PhaseEncodingDirection": "j",
    "PhilipsRescaleIntercept": 0,
    "PhilipsRescaleSlope": 0.7685,
    "PhilipsScaleSlope": 0.0619788,
    "ProtocolName": "WIPpiopanticipatieSENSE",
    "PulseSequenceType": "gradient echo EPI",
    "ReconMatrixPE": 80,
    "RepetitionTime": 2,
    "SeriesDescription": "ImageMRSERIES",
    "SeriesNumber": 9,
    "SliceEncodingDirection": "k",
    "SliceTiming": [
      0.0,
      0.0541,
      0.1081,
      0.1622,
      0.2162,
      0.2703,
      0.3243,
      0.3784,
      0.4324,
      0.4865,
      0.5405,
      0.5946,
      0.6486,
      0.7027,
      0.7568,
      0.8108,
      0.8649,
      0.9189,
      0.973,
      1.027,
      1.0811,
      1.1351,
      1.1892,
      1.2432,
      1.2973,
      1.3514,
      1.4054,
      1.4595,
      1.5135,
      1.5676,
      1.6216,
      1.6757,
      1.7297,
      1.7838,
      1.8378,
      1.8919,
      1.9459
    ],
    "TaskName": "anticipation",
    "TotalReadoutTime": 0.025822520692561732,
    "UsePhilipsFloatNotDisplayScaling": 1,
    "acq_id": "seq",
    "dataset": "ds002785",
    "modality": "bold",
    "subject_id": "0126",
    "task_id": "anticipation"
  },
  "dummy_trs": 0,
  "dvars_nstd": 26.99665704562814,
  "dvars_std": 1.2210000720100507,
  "dvars_vstd": 1.0189118566331656,
  "efc": 0.42889734678949254,
  "fber": 152003.53125,
  "fd_mean": 0.26523692635371365,
  "fd_num": 91,
  "fd_perc": 45.5,
  "fwhm_avg": 1.7860490991058444,
  "fwhm_x": 1.7253833333333333,
  "fwhm_y": 1.93097,
  "fwhm_z": 1.7017939639842,
  "gcor": 0.0274317,
  "gsr_x": -0.023150600492954254,
  "gsr_y": 0.01624183915555477,
  "provenance": {
    "md5sum": "9dc39e9b75a4daada93b6aad4a224ff7",
    "settings": {
      "fd_thres": 0.2,
      "testing": false
    },
    "software": "mriqc",
    "version": "22.0.0rc1",
    "webapi_port": null,
    "webapi_url": "https://mriqc.nimh.nih.gov/api/v1"
  },
  "size_t": 200,
  "size_x": 80,
  "size_y": 80,
  "size_z": 37,
  "snr": 5.429225718927364,
  "spacing_tr": 2.0,
  "spacing_x": 3.0,
  "spacing_y": 3.0,
  "spacing_z": 3.299999952316284,
  "summary_bg_k": 72.87830747704635,
  "summary_bg_mad": 64.42188405316134,
  "summary_bg_mean": 543.3594970703125,
  "summary_bg_median": 60.67900085449219,
  "summary_bg_n": 158848.0,
  "summary_bg_p05": 4.804606533050537,
  "summary_bg_p95": 2679.096362304687,
  "summary_bg_stdv": 1699.867919921875,
  "summary_fg_k": 2.1194796766430546,
  "summary_fg_mad": 3835.7786143123362,
  "summary_fg_mean": 24633.03125,
  "summary_fg_median": 24118.81640625,
  "summary_fg_n": 36900.0,
  "summary_fg_p05": 18529.9470703125,
  "summary_fg_p95": 32320.538671874998,
  "summary_fg_stdv": 4442.34423828125,
  "tsnr": 60.43851852416992
}