{
  "aor": 0.0005797878787878787,
  "aqi": 0.007867778909090909,
  "bids_meta": {
    "AcquisitionNumber": 2,
    "BidsifyVersion": "0.3.5",
    "ConversionSoftware": "dcm2niix",
    "ConversionSoftwareVersion": "v1.0.20181125  GCC6.3.0",
    "EchoTime": 0.02762,
    "EffectiveEchoSpacing": 0.0006333282667071997,
    "ImageComments": "piop",
    "ImageOrientationPatientDICOM": [
      0.999021,
      0.0283802,
      0.0339334,
      -0.0237177,
      0.991141,
      -0.130676
    ],
    "Manufacturer": "Philips",
    "NumberOfVolumesDiscardedByScanner": 2,
    "ParallelAcquisitionTechnique": "SENSE",
    "ParallelReductionFactorInPlane": 2,
    "PatientPosition": "HFS",
    "PhaseEncodingDirection": "j",
    "PhilipsRescaleIntercept": 0,
    "PhilipsRescaleSlope": 0.75458,
    "PhilipsScaleSlope": 0.0921321,
    "ProtocolName": "WIPpiopfacesSENSE",
    "PulseSequenceType": "gradient echo EPI",
    "ReconMatrixPE": 80,
    "RepetitionTime": 0.75,
    "SeriesDescription": "ImageMRSERIES",
    "SeriesNumber": 2,
    "SliceEncodingDirection": "k",
    "SliceTiming": [
      0.0,
      0.06755050505050506,
      0.1351010101010101,
      0.20265151515151517,
      0.2702020202020202,
      0.3377525252525253,
      0.40530303030303033,
      0.47285353535353536,
      0.5404040404040404,
      0.6079545454545455,
      0.6755050505050506,
      0.7430555555555556,
      0.0,
      0.06755050505050506,
      0.1351010101010101,
      0.20265151515151517,
      0.2702020202020202,
      0.3377525252525253,
      0.40530303030303033,
      0.47285353535353536,
      0.5404040404040404,
      0.6079545454545455,
      0.6755050505050506,
      0.7430555555555556,
      0.0,
      0.06755050505050506,
      0.1351010101010101,
      0.20265151515151517,
      0.2702020202020202,
      0.3377525252525253,
      0.40530303030303033,
      0.47285353535353536,
      0.5404040404040404,
      0.6079545454545455,
      0.6755050505050506,
      0.7430555555555556
    ],
    "TaskName": "faces",
    "TotalReadoutTime": 0.024699802401580786,
    "UsePhilipsFloatNotDisplayScaling": 1,
    "acq_id": "mb3",
    "dataset": "ds002785",
    "modality": "bold",
    "subject_id": "0126",
    "task_id": "faces"
  },
  "dummy_trs": 0,
  "dvars_nstd": 22.816416534680837,
  "dvars_std": 1.096544954954408,
  "dvars_vstd": 1.0119359551367773,
  "efc": 0.43556792296458213,
  "fber": 149553.625,
  "fd_mean": 0.12233728053916477,
  "fd_num": 34,
  "fd_perc": 10.303030303030303,
  "fwhm_avg": 2.051055509616867,
  "fwhm_x": 2.0049066666666664,
  "fwhm_y": 2.2426233333333334,
  "fwhm_z": 1.9056365288506012,
  "gcor": 0.0264416,
  "gsr_x": -0.025011347606778145,
  "gsr_y": 0.014287259429693222,
  "provenance": {
    "md5sum": "a8df017d4082cd570ec56b2ca88a4119",
    "settings": {
      "fd_thres": 0.2,
      "testing": false
    },
    "software": "mriqc",
    "version": "22.0.0rc1",
    "webapi_port": null,
    "webapi_url": "https://mriqc.nimh.nih.gov/api/v1"
  },
  "size_t": 330,
  "size_x": 80,
  "size_y": 80,
  "size_z": 36,
  "snr": 7.004345117540858,
  "spacing_tr": 0.75,
  "spacing_x": 3.0,
  "spacing_y": 3.0,
  "spacing_z": 3.299999713897705,
  "summary_bg_k": 54.57139187222799,
  "summary_bg_mad": 53.780526764053306,
  "summary_bg_mean": 421.09564208984375,
  "summary_bg_median": 48.72199630737305,
  "summary_bg_n": 154151.0,
  "summary_bg_p05": 3.6180511713027954,
  "summary_bg_p95": 2037.181396484375,
  "summary_bg_stdv": 1222.2841796875,
  "summary_fg_k": 1.5746204312242673,
  "summary_fg_mad": 2460.468148541245,
  "summary_fg_mean": 19038.90625,
  "summary_fg_median": 19012.51953125,
  "summary_fg_n": 35952.0,
  "summary_fg_p05": 14687.927978515625,
  "summary_fg_p95": 23400.293066406248,
  "summary_fg_stdv": 2714.3515625,
  "tsnr": 61.873779296875
}