{
  "aor": 0.004143755102040816,
  "aqi": 0.005049030326530613,
  "bids_meta": {
    "AcquisitionNumber": 3,
    "BidsifyVersion": "0.3.5",
    "ConversionSoftware": "dcm2niix",
    "ConversionSoftwareVersion": "v1.0.20181125  GCC6.3.0",
    "EchoTime": 0.02762,
    "EffectiveEchoSpacing": 0.0006621159151938905,
    "ImageComments": "piop",
    "ImageOrientationPatientDICOM": [
      0.999021,
      0.0283802,
      0.0339334,
      -0.0237177,
      0.991141,
      -0.130676
    ],
    "Manufacturer": "Philips",
    "NumberOfVolumesDiscardedByScanner": 2,
    "ParallelAcquisitionTechnique": "SENSE",
    "ParallelReductionFactorInPlane": 2,
    "PatientPosition": "HFS",
    "PhaseEncodingDirection": "j",
    "PhilipsRescaleIntercept": 0,
    "PhilipsRescaleSlope": 0.79634,
    "PhilipsScaleSlope": 0.0581384,
    "ProtocolName": "WIPpiopgstroopSENSE",
    "PulseSequenceType": "gradient echo EPI",
    "ReconMatrixPE": 80,
    "RepetitionTime": 2,
    "SeriesDescription": "ImageMRSERIES",
    "SeriesNumber": 3,
    "SliceEncodingDirection": "k",
    "SliceTiming": [
      0.0,
      0.0541,
      0.1081,
      0.1622,
      0.2162,
      0.2703,
      0.3243,
      0.3784,
      0.4324,
      0.4865,
      0.5405,
      0.5946,
      0.6486,
      0.7027,
      0.7568,
      0.8108,
      0.8649,
      0.9189,
      0.973,
      1.027,
      1.0811,
      1.1351,
      1.1892,
      1.2432,
      1.2973,
      1.3514,
      1.4054,
      1.4595,
      1.5135,
      1.5676,
      1.6216,
      1.6757,
      1.7297,
      1.7838,
      1.8378,
      1.8919,
      1.9459
    ],
    "TaskName": "gstroop",
    "TotalReadoutTime": 0.025822520692561732,
    "UsePhilipsFloatNotDisplayScaling": 1,
    "acq_id": "seq",
    "dataset": "ds002785",
    "modality": "bold",
    "subject_id": "0126",
    "task_id": "gstroop"
  },
  "dummy_trs": 0,
  "dvars_nstd": 22.89662514758198,
  "dvars_std": 1.2850699626229507,
  "dvars_vstd": 1.0322444605327872,
  "efc": 0.4273508727783242,
  "fber": 153887.84375,
  "fd_mean": 0.16848921461537278,
  "fd_num": 52,
  "fd_perc": 21.224489795918366,
  "fwhm_avg": 1.7585037455463788,
  "fwhm_x": 1.7011399999999999,
  "fwhm_y": 1.8775833333333332,
  "fwhm_z": 1.6967879033058038,
  "gcor": 0.0331068,
  "gsr_x": -0.022542113438248634,
  "gsr_y": 0.015604661777615547,
  "provenance": {
    "md5sum": "a228450aa56331c0b0a6513487ad2db0",
    "settings": {
      "fd_thres": 0.2,
      "testing": false
    },
    "software": "mriqc",
    "version": "22.0.0rc1",
    "webapi_port": null,
    "webapi_url": "https://mriqc.nimh.nih.gov/api/v1"
  },
  "size_t": 245,
  "size_x": 80,
  "size_y": 80,
  "size_z": 37,
  "snr": 5.555698913755222,
  "spacing_tr": 2.0,
  "spacing_x": 3.0,
  "spacing_y": 3.0,
  "spacing_z": 3.299999952316284,
  "summary_bg_k": 80.09443207841191,
  "summary_bg_mad": 64.92259259353891,
  "summary_bg_mean": 529.1380615234375,
  "summary_bg_median": 60.9406852722168,
  "summary_bg_n": 158959.0,
  "summary_bg_p05": 4.053387546539307,
  "summary_bg_p95": 2551.091137695313,
  "summary_bg_stdv": 1690.6927490234375,
  "summary_fg_k": 2.465989266048716,
  "summary_fg_mad": 3756.279861759889,
  "summary_fg_mean": 24921.400390625,
  "summary_fg_median": 24414.685546875,
  "summary_fg_n": 36753.0,
  "summary_fg_p05": 18950.2875,
  "summary_fg_p95": 32380.094140625002,
  "summary_fg_stdv": 4394.47021484375,
  "tsnr": 77.60514068603516
}