{
  "aor": 0.0034668148148148145,
  "aqi": 0.003881960444444444,
  "bids_meta": {
    "AcquisitionNumber": 5,
    "BidsifyVersion": "0.3.5",
    "ConversionSoftware": "dcm2niix",
    "ConversionSoftwareVersion": "v1.0.20181125  GCC6.3.0",
    "EchoTime": 0.02762,
    "EffectiveEchoSpacing": 0.0006621159151938905,
    "ImageComments": "piop",
    "ImageOrientationPatientDICOM": [
      0.999021,
      0.0283802,
      0.0339334,
      -0.0237177,
      0.991141,
      -0.130676
    ],
    "Manufacturer": "Philips",
    "NumberOfVolumesDiscardedByScanner": 2,
    "ParallelAcquisitionTechnique": "SENSE",
    "ParallelReductionFactorInPlane": 2,
    "PatientPosition": "HFS",
    "PhaseEncodingDirection": "j",
    "PhilipsRescaleIntercept": 0,
    "PhilipsRescaleSlope": 0.78315,
    "PhilipsScaleSlope": 0.0601135,
    "ProtocolName": "WIPpiopharririSENSE",
    "PulseSequenceType": "gradient echo EPI",
    "ReconMatrixPE": 80,
    "RepetitionTime": 2,
    "SeriesDescription": "ImageMRSERIES",
    "SeriesNumber": 5,
    "SliceEncodingDirection": "k",
    "SliceTiming": [
      0.0,
      0.0541,
      0.1081,
      0.1622,
      0.2162,
      0.2703,
      0.3243,
      0.3784,
      0.4324,
      0.4865,
      0.5405,
      0.5946,
      0.6486,
      0.7027,
      0.7568,
      0.8108,
      0.8649,
      0.9189,
      0.973,
      1.027,
      1.0811,
      1.1351,
      1.1892,
      1.2432,
      1.2973,
      1.3514,
      1.4054,
      1.4595,
      1.5135,
      1.5676,
      1.6216,
      1.6757,
      1.7297,
      1.7838,
      1.8378,
      1.8919,
      1.9459
    ],
    "TaskName": "emomatching",
    "TotalReadoutTime": 0.025822520692561732,
    "UsePhilipsFloatNotDisplayScaling": 1,
    "acq_id": "seq",
    "dataset": "ds002785",
    "modality": "bold",
    "subject_id": "0126",
    "task_id": "emomatching"
  },
  "dummy_trs": 0,
  "dvars_nstd": 22.84965823977612,
  "dvars_std": 1.2832836170149253,
  "dvars_vstd": 1.0303488899253732,
  "efc": 0.42725097732771417,
  "fber": 153714.28125,
  "fd_mean": 0.1733028020179462,
  "fd_num": 38,
  "fd_perc": 28.14814814814815,
  "fwhm_avg": 1.8065304124914416,
  "fwhm_x": 1.7362,
  "fwhm_y": 1.9288033333333334,
  "fwhm_z": 1.7545879041409913,
  "gcor": 0.0258341,
  "gsr_x": -0.022459154948592186,
  "gsr_y": 0.01627541519701481,
  "provenance": {
    "md5sum": "bb4c2533ebe33875d6b85b7217ee6a17",
    "settings": {
      "fd_thres": 0.2,
      "testing": false
    },
    "software": "mriqc",
    "version": "22.0.0rc1",
    "webapi_port": null,
    "webapi_url": "https://mriqc.nimh.nih.gov/api/v1"
  },
  "size_t": 135,
  "size_x": 80,
  "size_y": 80,
  "size_z": 37,
  "snr": 5.398923746650726,
  "spacing_tr": 2.0,
  "spacing_x": 3.0,
  "spacing_y": 3.0,
  "spacing_z": 3.299999952316284,
  "summary_bg_k": 78.37639508355304,
  "summary_bg_mad": 64.79875302644027,
  "summary_bg_mean": 531.338134765625,
  "summary_bg_median": 61.25543212890625,
  "summary_bg_n": 158865.0,
  "summary_bg_p05": 4.2393820762634284,
  "summary_bg_p95": 2581.2355957031236,
  "summary_bg_stdv": 1689.87451171875,
  "summary_fg_k": 2.1168388231533646,
  "summary_fg_mad": 3956.992928505001,
  "summary_fg_mean": 25025.55078125,
  "summary_fg_median": 24518.93359375,
  "summary_fg_n": 36816.0,
  "summary_fg_p05": 18736.39892578125,
  "summary_fg_p95": 32802.2900390625,
  "summary_fg_stdv": 4541.38671875,
  "tsnr": 83.5475845336914
}