{
  "aor": 0.0010018371607515657,
  "aqi": 0.010167022651356994,
  "bids_meta": {
    "AcquisitionNumber": 6,
    "BidsifyVersion": "0.3.5",
    "ConversionSoftware": "dcm2niix",
    "ConversionSoftwareVersion": "v1.0.20181125  GCC6.3.0",
    "EchoTime": 0.02762,
    "EffectiveEchoSpacing": 0.0006333282667071997,
    "ImageComments": "piop",
    "ImageOrientationPatientDICOM": [
      0.999021,
      0.0283802,
      0.0339334,
      -0.0237177,
      0.991141,
      -0.130676
    ],
    "Manufacturer": "Philips",
    "NumberOfVolumesDiscardedByScanner": 2,
    "ParallelAcquisitionTechnique": "SENSE",
    "ParallelReductionFactorInPlane": 2,
    "PatientPosition": "HFS",
    "PhaseEncodingDirection": "j",
    "PhilipsRescaleIntercept": 0,
    "PhilipsRescaleSlope": 0.76313,
    "PhilipsScaleSlope": 0.0896273,
    "ProtocolName": "WIPpioprsSENSE",
    "PulseSequenceType": "gradient echo EPI",
    "ReconMatrixPE": 80,
    "RepetitionTime": 0.75,
    "SeriesDescription": "ImageMRSERIES",
    "SeriesNumber": 6,
    "SliceEncodingDirection": "k",
    "SliceTiming": [
      0.0,
      0.06755050505050506,
      0.1351010101010101,
      0.20265151515151517,
      0.2702020202020202,
      0.3377525252525253,
      0.40530303030303033,
      0.47285353535353536,
      0.5404040404040404,
      0.6079545454545455,
      0.6755050505050506,
      0.7430555555555556,
      0.0,
      0.06755050505050506,
      0.1351010101010101,
      0.20265151515151517,
      0.2702020202020202,
      0.3377525252525253,
      0.40530303030303033,
      0.47285353535353536,
      0.5404040404040404,
      0.6079545454545455,
      0.6755050505050506,
      0.7430555555555556,
      0.0,
      0.06755050505050506,
      0.1351010101010101,
      0.20265151515151517,
      0.2702020202020202,
      0.3377525252525253,
      0.40530303030303033,
      0.47285353535353536,
      0.5404040404040404,
      0.6079545454545455,
      0.6755050505050506,
      0.7430555555555556
    ],
    "TaskName": "restingstate",
    "TotalReadoutTime": 0.024699802401580786,
    "UsePhilipsFloatNotDisplayScaling": 1,
    "acq_id": "mb3",
    "dataset": "ds002785",
    "modality": "bold",
    "subject_id": "0126",
    "task_id": "restingstate"
  },
  "dummy_trs": 1,
  "dvars_nstd": 27.486230220020936,
  "dvars_std": 1.1189083717364015,
  "dvars_vstd": 1.0171767994142267,
  "efc": 0.4331737374978227,
  "fber": 145626.578125,
  "fd_mean": 0.1233736285218808,
  "fd_num": 52,
  "fd_perc": 10.855949895615867,
  "fwhm_avg": 1.8280972811066751,
  "fwhm_x": 1.76434,
  "fwhm_y": 1.9802366666666666,
  "fwhm_z": 1.7397151766533587,
  "gcor": 0.0170319,
  "gsr_x": -0.02417890913784504,
  "gsr_y": 0.014884807169437408,
  "provenance": {
    "md5sum": "7fac916c90ba42f1c265c43bf15a5b07",
    "settings": {
      "fd_thres": 0.2,
      "testing": false
    },
    "software": "mriqc",
    "version": "22.0.0rc1",
    "webapi_port": null,
    "webapi_url": "https://mriqc.nimh.nih.gov/api/v1"
  },
  "size_t": 479,
  "size_x": 80,
  "size_y": 80,
  "size_z": 36,
  "snr": 6.849876718091608,
  "spacing_tr": 0.75,
  "spacing_x": 3.0,
  "spacing_y": 3.0,
  "spacing_z": 3.299999952316284,
  "summary_bg_k": 59.77689329356741,
  "summary_bg_mad": 53.898194571848116,
  "summary_bg_mean": 412.8916931152344,
  "summary_bg_median": 47.46772003173828,
  "summary_bg_n": 154345.0,
  "summary_bg_p05": 2.935451936721802,
  "summary_bg_p95": 2002.846459960936,
  "summary_bg_stdv": 1235.6102294921875,
  "summary_fg_k": 1.9661034667265787,
  "summary_fg_mad": 2422.169521701489,
  "summary_fg_mean": 18465.662109375,
  "summary_fg_median": 18417.12109375,
  "summary_fg_n": 35750.0,
  "summary_fg_p05": 14323.5611328125,
  "summary_fg_p95": 22818.58271484375,
  "summary_fg_stdv": 2688.6416015625,
  "tsnr": 52.817039489746094
}