{
  "aor": 0.0009407083333333333,
  "aqi": 0.006699174895833334,
  "bids_meta": {
    "AcquisitionNumber": 6,
    "BidsifyVersion": "0.3.5",
    "ConversionSoftware": "dcm2niix",
    "ConversionSoftwareVersion": "v1.0.20181125  GCC6.3.0",
    "EchoTime": 0.02762,
    "EffectiveEchoSpacing": 0.0006333282667071997,
    "ImageComments": "piop",
    "ImageOrientationPatientDICOM": [
      0.994792,
      -0.0982906,
      -0.0269724,
      0.0961381,
      0.992761,
      -0.0719884
    ],
    "Manufacturer": "Philips",
    "NumberOfVolumesDiscardedByScanner": 2,
    "ParallelAcquisitionTechnique": "SENSE",
    "ParallelReductionFactorInPlane": 2,
    "PatientPosition": "HFS",
    "PhaseEncodingDirection": "j",
    "PhilipsRescaleIntercept": 0,
    "PhilipsRescaleSlope": 0.88767,
    "PhilipsScaleSlope": 0.0866,
    "ProtocolName": "WIPpioprsSENSE",
    "PulseSequenceType": "gradient echo EPI",
    "ReconMatrixPE": 80,
    "RepetitionTime": 0.75,
    "SeriesDescription": "ImageMRSERIES",
    "SeriesNumber": 6,
    "SliceEncodingDirection": "k",
    "SliceTiming": [
      0.0,
      0.06755050505050506,
      0.1351010101010101,
      0.20265151515151517,
      0.2702020202020202,
      0.3377525252525253,
      0.40530303030303033,
      0.47285353535353536,
      0.5404040404040404,
      0.6079545454545455,
      0.6755050505050506,
      0.7430555555555556,
      0.0,
      0.06755050505050506,
      0.1351010101010101,
      0.20265151515151517,
      0.2702020202020202,
      0.3377525252525253,
      0.40530303030303033,
      0.47285353535353536,
      0.5404040404040404,
      0.6079545454545455,
      0.6755050505050506,
      0.7430555555555556,
      0.0,
      0.06755050505050506,
      0.1351010101010101,
      0.20265151515151517,
      0.2702020202020202,
      0.3377525252525253,
      0.40530303030303033,
      0.47285353535353536,
      0.5404040404040404,
      0.6079545454545455,
      0.6755050505050506,
      0.7430555555555556
    ],
    "TaskName": "restingstate",
    "TotalReadoutTime": 0.024699802401580786,
    "UsePhilipsFloatNotDisplayScaling": 1,
    "acq_id": "mb3",
    "dataset": "ds002785",
    "modality": "bold",
    "subject_id": "0107",
    "task_id": "restingstate"
  },
  "dummy_trs": 0,
  "dvars_nstd": 27.066464565595,
  "dvars_std": 1.1563777544885179,
  "dvars_vstd": 1.011885261795407,
  "efc": 0.4368969138065019,
  "fber": 185035.140625,
  "fd_mean": 0.09556693273421175,
  "fd_num": 15,
  "fd_perc": 3.125,
  "fwhm_avg": 2.1290614236058656,
  "fwhm_x": 2.066946666666667,
  "fwhm_y": 2.3552466666666665,
  "fwhm_z": 1.9649909374842636,
  "gcor": 0.0249077,
  "gsr_x": -0.019315028563141823,
  "gsr_y": 0.016864683479070663,
  "provenance": {
    "md5sum": "539340a79a46b98d1e4315cfc03b89f0",
    "settings": {
      "fd_thres": 0.2,
      "testing": false
    },
    "software": "mriqc",
    "version": "22.0.0rc1",
    "webapi_port": null,
    "webapi_url": "https://mriqc.nimh.nih.gov/api/v1"
  },
  "size_t": 480,
  "size_x": 80,
  "size_y": 80,
  "size_z": 36,
  "snr": 5.773978125491981,
  "spacing_tr": 0.75,
  "spacing_x": 3.0,
  "spacing_y": 3.0,
  "spacing_z": 3.299999952316284,
  "summary_bg_k": 52.96682520291076,
  "summary_bg_mad": 45.68234469830536,
  "summary_bg_mean": 353.2259216308594,
  "summary_bg_median": 38.18492126464844,
  "summary_bg_n": 152252.0,
  "summary_bg_p05": 0.7348996996879578,
  "summary_bg_p95": 1863.7371032714786,
  "summary_bg_stdv": 1010.75439453125,
  "summary_fg_k": 0.5854685391950598,
  "summary_fg_mad": 2768.6452626146197,
  "summary_fg_mean": 16889.35546875,
  "summary_fg_median": 16975.2734375,
  "summary_fg_n": 36417.0,
  "summary_fg_p05": 11859.2490234375,
  "summary_fg_p95": 21594.990234375,
  "summary_fg_stdv": 2939.921142578125,
  "tsnr": 56.03779602050781
}