{
  "bids_meta": {
    "AcquisitionNumber": 4,
    "BidsifyVersion": "0.3.5",
    "ConversionSoftware": "dcm2niix",
    "ConversionSoftwareVersion": "v1.0.20181125  GCC6.3.0",
    "EchoTime": 0.00374,
    "ImageComments": "PIOP",
    "ImageOrientationPatientDICOM": [
      0.998705,
      0.0508337,
      -0.00205276,
      -0.050767,
      0.9984,
      0.0249175
    ],
    "Manufacturer": "Philips",
    "PatientPosition": "HFS",
    "PhilipsRescaleIntercept": 0,
    "PhilipsRescaleSlope": 9.18291,
    "PhilipsScaleSlope": 0.00771853,
    "ProtocolName": "WIPt13dSENSE",
    "ReconMatrixPE": 240,
    "RepetitionTime": 0.008133,
    "SeriesDescription": "ImageMRSERIES",
    "SeriesNumber": 4,
    "UsePhilipsFloatNotDisplayScaling": 1,
    "dataset": "ds002785",
    "modality": "T1w",
    "subject_id": "0063"
  },
  "cjv": 0.32320255370673273,
  "cnr": 3.870823363723918,
  "efc": 0.7408863174988953,
  "fber": 541.5093383789062,
  "fwhm_avg": 3.608773333333333,
  "fwhm_x": 3.55627,
  "fwhm_y": 3.75679,
  "fwhm_z": 3.51326,
  "icvs_csf": 0.22312788532316682,
  "icvs_gm": 0.403696994912954,
  "icvs_wm": 0.3731751197638791,
  "inu_med": 1.1397302150726318,
  "inu_range": 0.28116029500961304,
  "provenance": {
    "md5sum": "a211da0330b87af928c96a28edab20a7",
    "settings": {
      "testing": false
    },
    "software": "mriqc",
    "version": "22.0.0rc1",
    "warnings": {
      "large_rot_frame": true,
      "small_air_mask": true
    },
    "webapi_port": null,
    "webapi_url": "https://mriqc.nimh.nih.gov/api/v1"
  },
  "qi_1": 0.0,
  "qi_2": 9.634260101936345e-05,
  "rpve_csf": 28.517129707378846,
  "rpve_gm": 16.002835127420738,
  "rpve_wm": 22.96006955825048,
  "size_x": 240,
  "size_y": 240,
  "size_z": 220,
  "snr_csf": 2.7145954131520473,
  "snr_gm": 7.650200048486813,
  "snr_total": 10.48095261261482,
  "snr_wm": 21.078062376205597,
  "snrd_csf": 22.002337529939297,
  "snrd_gm": 40.78475027614886,
  "snrd_total": 42.5270301365087,
  "snrd_wm": 64.79400260343793,
  "spacing_x": 1.0,
  "spacing_y": 1.0,
  "spacing_z": 1.0,
  "summary_bg_k": 6.197079638085693,
  "summary_bg_mad": 10.110859582431997,
  "summary_bg_mean": 14.784049987792969,
  "summary_bg_median": 13.609928131103516,
  "summary_bg_n": 206615.0,
  "summary_bg_p05": 0.0,
  "summary_bg_p95": 34.36750144958496,
  "summary_bg_stdv": 11.993946075439453,
  "summary_csf_k": -0.27707895398992877,
  "summary_csf_mad": 118.85143952963625,
  "summary_csf_mean": 312.0820617675781,
  "summary_csf_median": 339.5667724609375,
  "summary_csf_n": 5896.0,
  "summary_csf_p05": 90.61734580993652,
  "summary_csf_p95": 480.32521057128906,
  "summary_csf_stdv": 125.07866668701172,
  "summary_gm_k": 0.26393003611328103,
  "summary_gm_mad": 76.67892167891401,
  "summary_gm_mean": 634.2323608398438,
  "summary_gm_median": 629.4397583007812,
  "summary_gm_n": 10988.0,
  "summary_gm_p05": 505.5400787353516,
  "summary_gm_p95": 778.6133880615234,
  "summary_gm_stdv": 82.27381134033203,
  "summary_wm_k": 1.0341505909327369,
  "summary_wm_mad": 43.08052574324176,
  "summary_wm_mean": 998.5414428710938,
  "summary_wm_median": 999.9796752929688,
  "summary_wm_n": 188362.0,
  "summary_wm_p05": 918.7241851806641,
  "summary_wm_p95": 1072.8399597167968,
  "summary_wm_stdv": 47.44160079956055,
  "tpm_overlap_csf": 0.1681509166955948,
  "tpm_overlap_gm": 0.4347250163555145,
  "tpm_overlap_wm": 0.5031576156616211,
  "wm2max": 0.6683658562583682
}