{
  "aor": 0.003825185185185185,
  "aqi": 0.004653579259259259,
  "bids_meta": {
    "AcquisitionNumber": 5,
    "BidsifyVersion": "0.3.5",
    "ConversionSoftware": "dcm2niix",
    "ConversionSoftwareVersion": "v1.0.20181125  GCC6.3.0",
    "EchoTime": 0.02762,
    "ImageComments": "piop",
    "ImageOrientationPatientDICOM": [
      0.997443,
      0.0222286,
      0.0679205,
      -0.00835636,
      0.980154,
      -0.198062
    ],
    "Manufacturer": "Philips",
    "NumberOfVolumesDiscardedByScanner": 2,
    "ParallelAcquisitionTechnique": "SENSE",
    "ParallelReductionFactorInPlane": 2,
    "PatientPosition": "HFS",
    "PhaseEncodingDirection": "j",
    "PhilipsRescaleIntercept": 0,
    "PhilipsRescaleSlope": 0.81709,
    "PhilipsScaleSlope": 0.0560415,
    "ProtocolName": "WIPpiopharririSENSE",
    "PulseSequenceType": "gradient echo EPI",
    "ReconMatrixPE": 80,
    "RepetitionTime": 2,
    "SeriesDescription": "ImageMRSERIES",
    "SeriesNumber": 5,
    "SliceEncodingDirection": "k",
    "TaskName": "emomatching",
    "UsePhilipsFloatNotDisplayScaling": 1,
    "acq_id": "seq",
    "dataset": "ds002785",
    "modality": "bold",
    "subject_id": "0202",
    "task_id": "emomatching"
  },
  "dummy_trs": 0,
  "dvars_nstd": 24.35338279373135,
  "dvars_std": 1.3269705562686565,
  "dvars_vstd": 1.027499903507463,
  "efc": 0.44114033699304894,
  "fber": 149481.40625,
  "fd_mean": 0.15008363153768894,
  "fd_num": 24,
  "fd_perc": 17.77777777777778,
  "fwhm_avg": 1.8776446550948884,
  "fwhm_x": 1.84584,
  "fwhm_y": 1.9953,
  "fwhm_z": 1.7917939652846648,
  "gcor": 0.0420328,
  "gsr_x": -0.018612021580338478,
  "gsr_y": 0.020437167957425117,
  "provenance": {
    "md5sum": "abe6e400d343d0b5b0134ae4c0c06c23",
    "settings": {
      "fd_thres": 0.2,
      "testing": false
    },
    "software": "mriqc",
    "version": "23.0.1",
    "webapi_port": null,
    "webapi_url": "https://mriqc.nimh.nih.gov/api/v1"
  },
  "size_t": 135,
  "size_x": 80,
  "size_y": 80,
  "size_z": 37,
  "snr": 5.079137285714841,
  "spacing_tr": 2.0,
  "spacing_x": 3.0,
  "spacing_y": 3.0,
  "spacing_z": 3.299999952316284,
  "summary_bg_k": 74.21534775637286,
  "summary_bg_mad": 69.60620075117241,
  "summary_bg_mean": 610.9633178710938,
  "summary_bg_median": 62.73075866699219,
  "summary_bg_n": 155972.0,
  "summary_bg_p05": 3.4021071195602417,
  "summary_bg_p95": 3570.844714355462,
  "summary_bg_stdv": 1917.5667724609375,
  "summary_fg_k": 1.627765263706948,
  "summary_fg_mad": 4664.944174963801,
  "summary_fg_mean": 25651.361328125,
  "summary_fg_median": 25091.80078125,
  "summary_fg_n": 38970.0,
  "summary_fg_p05": 18604.94296875,
  "summary_fg_p95": 34031.8404296875,
  "summary_fg_stdv": 4940.1064453125,
  "tsnr": 75.3524398803711
}