{
  "aor": 0.0015131171548117153,
  "aqi": 0.008590684456066946,
  "bids_meta": {
    "AcquisitionNumber": 6,
    "BidsifyVersion": "0.3.5",
    "ConversionSoftware": "dcm2niix",
    "ConversionSoftwareVersion": "v1.0.20181125  GCC6.3.0",
    "EchoTime": 0.02762,
    "ImageComments": "piop",
    "ImageOrientationPatientDICOM": [
      0.997443,
      0.0222286,
      0.0679205,
      -0.00835636,
      0.980154,
      -0.198062
    ],
    "Manufacturer": "Philips",
    "NumberOfVolumesDiscardedByScanner": 2,
    "ParallelAcquisitionTechnique": "SENSE",
    "ParallelReductionFactorInPlane": 2,
    "PatientPosition": "HFS",
    "PhaseEncodingDirection": "j",
    "PhilipsRescaleIntercept": 0,
    "PhilipsRescaleSlope": 0.7685,
    "PhilipsScaleSlope": 0.090434,
    "ProtocolName": "WIPpioprsSENSE",
    "PulseSequenceType": "gradient echo EPI",
    "ReconMatrixPE": 80,
    "RepetitionTime": 0.75,
    "SeriesDescription": "ImageMRSERIES",
    "SeriesNumber": 6,
    "SliceEncodingDirection": "k",
    "TaskName": "restingstate",
    "UsePhilipsFloatNotDisplayScaling": 1,
    "acq_id": "mb3",
    "dataset": "ds002785",
    "modality": "bold",
    "subject_id": "0202",
    "task_id": "restingstate"
  },
  "dummy_trs": 2,
  "dvars_nstd": 29.814577834612166,
  "dvars_std": 1.191964907421384,
  "dvars_vstd": 1.019420290293501,
  "efc": 0.4469543711409547,
  "fber": 129732.484375,
  "fd_mean": 0.09990870829412936,
  "fd_num": 25,
  "fd_perc": 5.2301255230125525,
  "fwhm_avg": 1.9462017259211901,
  "fwhm_x": 1.94039,
  "fwhm_y": 2.0816666666666666,
  "fwhm_z": 1.816548511096904,
  "gcor": 0.0294397,
  "gsr_x": -0.01913580112159252,
  "gsr_y": 0.017772354185581207,
  "provenance": {
    "md5sum": "cb2f0a6f288d7c3fb88b5773caa973c5",
    "settings": {
      "fd_thres": 0.2,
      "testing": false
    },
    "software": "mriqc",
    "version": "23.0.1",
    "webapi_port": null,
    "webapi_url": "https://mriqc.nimh.nih.gov/api/v1"
  },
  "size_t": 478,
  "size_x": 80,
  "size_y": 80,
  "size_z": 36,
  "snr": 6.166880073147744,
  "spacing_tr": 0.75,
  "spacing_x": 3.0,
  "spacing_y": 3.0,
  "spacing_z": 3.299999952316284,
  "summary_bg_k": 51.31633764849858,
  "summary_bg_mad": 53.25007218192681,
  "summary_bg_mean": 454.46160888671875,
  "summary_bg_median": 49.17033004760742,
  "summary_bg_n": 151357.0,
  "summary_bg_p05": 3.4103402614593508,
  "summary_bg_p95": 2625.8296874999974,
  "summary_bg_stdv": 1338.224609375,
  "summary_fg_k": 0.5486164142274284,
  "summary_fg_mad": 2937.684357257058,
  "summary_fg_mean": 18355.927734375,
  "summary_fg_median": 18309.11328125,
  "summary_fg_n": 37978.0,
  "summary_fg_p05": 13583.041845703125,
  "summary_fg_p95": 23203.3814453125,
  "summary_fg_stdv": 2968.903564453125,
  "tsnr": 52.48345184326172
}