{
  "aor": 0.0010114166666666668,
  "aqi": 0.0113893581875,
  "bids_meta": {
    "AcquisitionNumber": 6,
    "BidsifyVersion": "0.3.5",
    "ConversionSoftware": "dcm2niix",
    "ConversionSoftwareVersion": "v1.0.20181125  GCC6.3.0",
    "EchoTime": 0.02763,
    "EffectiveEchoSpacing": 0.0006333282667071997,
    "ImageComments": "piop",
    "ImageOrientationPatientDICOM": [
      0.998963,
      0.040043,
      0.0216726,
      -0.0397732,
      0.999127,
      -0.0127402
    ],
    "Manufacturer": "Philips",
    "NumberOfVolumesDiscardedByScanner": 2,
    "ParallelAcquisitionTechnique": "SENSE",
    "ParallelReductionFactorInPlane": 2,
    "PatientPosition": "HFS",
    "PhaseEncodingDirection": "j",
    "PhilipsRescaleIntercept": 0,
    "PhilipsRescaleSlope": 0.82808,
    "PhilipsScaleSlope": 0.0833077,
    "ProtocolName": "WIPpioprsSENSE",
    "PulseSequenceType": "gradient echo EPI",
    "ReconMatrixPE": 80,
    "RepetitionTime": 0.75,
    "SeriesDescription": "ImageMRSERIES",
    "SeriesNumber": 6,
    "SliceEncodingDirection": "k",
    "SliceTiming": [
      0.0,
      0.06755050505050506,
      0.1351010101010101,
      0.20265151515151517,
      0.2702020202020202,
      0.3377525252525253,
      0.40530303030303033,
      0.47285353535353536,
      0.5404040404040404,
      0.6079545454545455,
      0.6755050505050506,
      0.7430555555555556,
      0.0,
      0.06755050505050506,
      0.1351010101010101,
      0.20265151515151517,
      0.2702020202020202,
      0.3377525252525253,
      0.40530303030303033,
      0.47285353535353536,
      0.5404040404040404,
      0.6079545454545455,
      0.6755050505050506,
      0.7430555555555556,
      0.0,
      0.06755050505050506,
      0.1351010101010101,
      0.20265151515151517,
      0.2702020202020202,
      0.3377525252525253,
      0.40530303030303033,
      0.47285353535353536,
      0.5404040404040404,
      0.6079545454545455,
      0.6755050505050506,
      0.7430555555555556
    ],
    "TaskName": "restingstate",
    "TotalReadoutTime": 0.024699802401580786,
    "UsePhilipsFloatNotDisplayScaling": 1,
    "acq_id": "mb3",
    "dataset": "ds002785",
    "modality": "bold",
    "subject_id": "0024",
    "task_id": "restingstate"
  },
  "dummy_trs": 0,
  "dvars_nstd": 28.129745726263064,
  "dvars_std": 1.1272841372651359,
  "dvars_vstd": 1.005579852442588,
  "efc": 0.45310831177972377,
  "fber": 132875.78125,
  "fd_mean": 0.12249162789223918,
  "fd_num": 40,
  "fd_perc": 8.333333333333334,
  "fwhm_avg": 1.8691568770652056,
  "fwhm_x": 1.8180800000000001,
  "fwhm_y": 2.0498966666666667,
  "fwhm_z": 1.7394939645289502,
  "gcor": 0.00766419,
  "gsr_x": -0.008606945164501667,
  "gsr_y": 0.012926970608532429,
  "provenance": {
    "md5sum": "0dab928bbc7884a0f1b721eb27a3820f",
    "settings": {
      "fd_thres": 0.2,
      "testing": false
    },
    "software": "mriqc",
    "version": "22.0.0rc1",
    "webapi_port": null,
    "webapi_url": "https://mriqc.nimh.nih.gov/api/v1"
  },
  "size_t": 480,
  "size_x": 80,
  "size_y": 80,
  "size_z": 36,
  "snr": 6.244521130359755,
  "spacing_tr": 0.75,
  "spacing_x": 3.0,
  "spacing_y": 3.0,
  "spacing_z": 3.299999952316284,
  "summary_bg_k": 30.688646379619648,
  "summary_bg_mad": 57.9469238180298,
  "summary_bg_mean": 592.6112670898438,
  "summary_bg_median": 49.162784576416016,
  "summary_bg_n": 152749.0,
  "summary_bg_p05": 2.79231972694397,
  "summary_bg_p95": 3471.8854492187534,
  "summary_bg_stdv": 1511.486083984375,
  "summary_fg_k": 1.161078374215239,
  "summary_fg_mad": 2729.5358376866184,
  "summary_fg_mean": 18162.251953125,
  "summary_fg_median": 18186.37109375,
  "summary_fg_n": 36499.0,
  "summary_fg_p05": 13383.192578125,
  "summary_fg_p95": 22777.9970703125,
  "summary_fg_stdv": 2912.33251953125,
  "tsnr": 48.345420837402344
}