{
  "aor": 0.006642037037037037,
  "aqi": 0.008300276481481482,
  "bids_meta": {
    "AcquisitionNumber": 8,
    "BidsifyVersion": "0.3.5",
    "ConversionSoftware": "dcm2niix",
    "ConversionSoftwareVersion": "v1.0.20181125  GCC6.3.0",
    "EchoTime": 0.02762,
    "EffectiveEchoSpacing": 0.0006621159151938905,
    "ImageComments": "piop",
    "ImageOrientationPatientDICOM": [
      0.998963,
      0.040043,
      0.0216726,
      -0.0397732,
      0.999127,
      -0.0127402
    ],
    "Manufacturer": "Philips",
    "NumberOfVolumesDiscardedByScanner": 2,
    "ParallelAcquisitionTechnique": "SENSE",
    "ParallelReductionFactorInPlane": 2,
    "PatientPosition": "HFS",
    "PhaseEncodingDirection": "j",
    "PhilipsRescaleIntercept": 0,
    "PhilipsRescaleSlope": 0.8127,
    "PhilipsScaleSlope": 0.0561368,
    "ProtocolName": "WIPpiopwmSENSE",
    "PulseSequenceType": "gradient echo EPI",
    "ReconMatrixPE": 80,
    "RepetitionTime": 2,
    "SeriesDescription": "ImageMRSERIES",
    "SeriesNumber": 8,
    "SliceEncodingDirection": "k",
    "SliceTiming": [
      0.0,
      0.0541,
      0.1081,
      0.1622,
      0.2162,
      0.2703,
      0.3243,
      0.3784,
      0.4324,
      0.4865,
      0.5405,
      0.5946,
      0.6486,
      0.7027,
      0.7568,
      0.8108,
      0.8649,
      0.9189,
      0.973,
      1.027,
      1.0811,
      1.1351,
      1.1892,
      1.2432,
      1.2973,
      1.3514,
      1.4054,
      1.4595,
      1.5135,
      1.5676,
      1.6216,
      1.6757,
      1.7297,
      1.7838,
      1.8378,
      1.8919,
      1.9459
    ],
    "TaskName": "workingmemory",
    "TotalReadoutTime": 0.025822520692561732,
    "UsePhilipsFloatNotDisplayScaling": 1,
    "acq_id": "seq",
    "dataset": "ds002785",
    "modality": "bold",
    "subject_id": "0024",
    "task_id": "workingmemory"
  },
  "dummy_trs": 0,
  "dvars_nstd": 24.27706880751553,
  "dvars_std": 1.2196002087577635,
  "dvars_vstd": 0.9902601039130433,
  "efc": 0.4474245068089394,
  "fber": 123703.8046875,
  "fd_mean": 0.15118257711657568,
  "fd_num": 17,
  "fd_perc": 10.493827160493828,
  "fwhm_avg": 1.8795600083761184,
  "fwhm_x": 1.8272166666666667,
  "fwhm_y": 2.07243,
  "fwhm_z": 1.7390333584616886,
  "gcor": 0.0109817,
  "gsr_x": -0.006663192063570023,
  "gsr_y": 0.013944094069302082,
  "provenance": {
    "md5sum": "954e85b886dc386296d23d2733793389",
    "settings": {
      "fd_thres": 0.2,
      "testing": false
    },
    "software": "mriqc",
    "version": "22.0.0rc1",
    "webapi_port": null,
    "webapi_url": "https://mriqc.nimh.nih.gov/api/v1"
  },
  "size_t": 162,
  "size_x": 80,
  "size_y": 80,
  "size_z": 37,
  "snr": 5.329353570267826,
  "spacing_tr": 2.0,
  "spacing_x": 3.0,
  "spacing_y": 3.0,
  "spacing_z": 3.299999952316284,
  "summary_bg_k": 40.922633122215665,
  "summary_bg_mad": 77.91711374546985,
  "summary_bg_mean": 779.6932983398438,
  "summary_bg_median": 67.97421264648438,
  "summary_bg_n": 157716.0,
  "summary_bg_p05": 4.287424921989441,
  "summary_bg_p95": 4722.21875,
  "summary_bg_stdv": 2059.8427734375,
  "summary_fg_k": 1.8545306348409767,
  "summary_fg_mad": 4225.268641660607,
  "summary_fg_mean": 24615.919921875,
  "summary_fg_median": 24300.88671875,
  "summary_fg_n": 37370.0,
  "summary_fg_p05": 17827.14970703125,
  "summary_fg_p95": 31949.78759765625,
  "summary_fg_stdv": 4559.7578125,
  "tsnr": 58.544105529785156
}