{
  "bids_meta": {
    "AcquisitionNumber": 4,
    "BidsifyVersion": "0.3.5",
    "ConversionSoftware": "dcm2niix",
    "ConversionSoftwareVersion": "v1.0.20181125  GCC6.3.0",
    "EchoTime": 0.00374,
    "ImageComments": "piop",
    "ImageOrientationPatientDICOM": [
      0.996167,
      -0.0873383,
      0.00488967,
      0.0873285,
      0.996177,
      0.00218067
    ],
    "Manufacturer": "Philips",
    "PatientPosition": "HFS",
    "PhilipsRescaleIntercept": 0,
    "PhilipsRescaleSlope": 9.65617,
    "PhilipsScaleSlope": 0.00736596,
    "ProtocolName": "WIPt13dSENSE",
    "ReconMatrixPE": 240,
    "RepetitionTime": 0.008132,
    "SeriesDescription": "ImageMRSERIES",
    "SeriesNumber": 4,
    "UsePhilipsFloatNotDisplayScaling": 1,
    "dataset": "ds002785",
    "modality": "T1w",
    "subject_id": "0062"
  },
  "cjv": 0.3869601516885444,
  "cnr": 3.289338039197561,
  "efc": 0.767144370393814,
  "fber": 406.7836608886719,
  "fwhm_avg": 3.4473268060755813,
  "fwhm_x": 3.3253,
  "fwhm_y": 3.7728802248811855,
  "fwhm_z": 3.243800193345558,
  "icvs_csf": 0.18947036391121475,
  "icvs_gm": 0.44826104977276116,
  "icvs_wm": 0.3622685863160241,
  "inu_med": 0.58982914686203,
  "inu_range": 0.24928320944309235,
  "provenance": {
    "md5sum": "af6d0c8169e597022eee17640184e283",
    "settings": {
      "testing": false
    },
    "software": "mriqc",
    "version": "22.0.0rc1",
    "warnings": {
      "large_rot_frame": true,
      "small_air_mask": true
    },
    "webapi_port": null,
    "webapi_url": "https://mriqc.nimh.nih.gov/api/v1"
  },
  "qi_1": 0.0,
  "qi_2": 8.803795858358657e-05,
  "rpve_csf": 32.28012038918653,
  "rpve_gm": 15.317969275965481,
  "rpve_wm": 23.159178514079098,
  "size_x": 240,
  "size_y": 240,
  "size_z": 220,
  "snr_csf": 2.071275952051941,
  "snr_gm": 7.247143811164555,
  "snr_total": 8.905715807635113,
  "snr_wm": 17.39872765968884,
  "snrd_csf": 15.42080320569085,
  "snrd_gm": 30.987168058234502,
  "snrd_total": 31.430861955512665,
  "snrd_wm": 47.88461460261264,
  "spacing_x": 1.0,
  "spacing_y": 0.9999999403953552,
  "spacing_z": 0.9999999403953552,
  "summary_bg_k": 3.0466336902745024,
  "summary_bg_mad": 13.681627427681716,
  "summary_bg_mean": 20.444761276245117,
  "summary_bg_median": 18.445701599121094,
  "summary_bg_n": 160442.0,
  "summary_bg_p05": 0.0,
  "summary_bg_p95": 46.35252876281738,
  "summary_bg_stdv": 15.247504234313965,
  "summary_csf_k": -1.2320303414707032,
  "summary_csf_mad": 212.87806951253577,
  "summary_csf_mean": 306.3677978515625,
  "summary_csf_median": 322.0423889160156,
  "summary_csf_n": 4687.0,
  "summary_csf_p05": 81.24102935791016,
  "summary_csf_p95": 530.7394714355469,
  "summary_csf_stdv": 155.46360778808594,
  "summary_gm_k": 0.06469644056055124,
  "summary_gm_mad": 85.66375897599782,
  "summary_gm_mean": 654.2764282226562,
  "summary_gm_median": 647.1246337890625,
  "summary_gm_n": 25650.0,
  "summary_gm_p05": 518.3278350830078,
  "summary_gm_p95": 813.009521484375,
  "summary_gm_stdv": 89.29200744628906,
  "summary_wm_k": 1.0115066612477293,
  "summary_wm_mad": 50.88676485948291,
  "summary_wm_mean": 996.0896606445312,
  "summary_wm_median": 1000.0046997070312,
  "summary_wm_n": 176554.0,
  "summary_wm_p05": 893.5687408447266,
  "summary_wm_p95": 1082.4417114257812,
  "summary_wm_stdv": 57.4755744934082,
  "tpm_overlap_csf": 0.15314064919948578,
  "tpm_overlap_gm": 0.44137242436408997,
  "tpm_overlap_wm": 0.47542327642440796,
  "wm2max": 0.5203995736732159
}