{
  "aor": 0.0004053048780487805,
  "aqi": 0.008706650579268293,
  "bids_meta": {
    "AcquisitionNumber": 2,
    "BidsifyVersion": "0.3.5",
    "ConversionSoftware": "dcm2niix",
    "ConversionSoftwareVersion": "v1.0.20181125  GCC6.3.0",
    "EchoTime": 0.02762,
    "EffectiveEchoSpacing": 0.0006333282667071997,
    "ImageComments": "Piop",
    "ImageOrientationPatientDICOM": [
      0.999988,
      -0.00293812,
      0.00394384,
      0.0043633,
      0.90001,
      -0.435846
    ],
    "Manufacturer": "Philips",
    "NumberOfVolumesDiscardedByScanner": 2,
    "ParallelAcquisitionTechnique": "SENSE",
    "ParallelReductionFactorInPlane": 2,
    "PatientPosition": "HFS",
    "PhaseEncodingDirection": "j",
    "PhilipsRescaleIntercept": 0,
    "PhilipsRescaleSlope": 0.779,
    "PhilipsScaleSlope": 0.09839,
    "ProtocolName": "WIPpiopfacesSENSE",
    "PulseSequenceType": "gradient echo EPI",
    "ReconMatrixPE": 80,
    "RepetitionTime": 0.75,
    "SeriesDescription": "ImageMRSERIES",
    "SeriesNumber": 2,
    "SliceEncodingDirection": "k",
    "SliceTiming": [
      0.0,
      0.06755050505050506,
      0.1351010101010101,
      0.20265151515151517,
      0.2702020202020202,
      0.3377525252525253,
      0.40530303030303033,
      0.47285353535353536,
      0.5404040404040404,
      0.6079545454545455,
      0.6755050505050506,
      0.7430555555555556,
      0.0,
      0.06755050505050506,
      0.1351010101010101,
      0.20265151515151517,
      0.2702020202020202,
      0.3377525252525253,
      0.40530303030303033,
      0.47285353535353536,
      0.5404040404040404,
      0.6079545454545455,
      0.6755050505050506,
      0.7430555555555556,
      0.0,
      0.06755050505050506,
      0.1351010101010101,
      0.20265151515151517,
      0.2702020202020202,
      0.3377525252525253,
      0.40530303030303033,
      0.47285353535353536,
      0.5404040404040404,
      0.6079545454545455,
      0.6755050505050506,
      0.7430555555555556
    ],
    "TaskName": "faces",
    "TotalReadoutTime": 0.024699802401580786,
    "UsePhilipsFloatNotDisplayScaling": 1,
    "acq_id": "mb3",
    "dataset": "ds002785",
    "modality": "bold",
    "subject_id": "0031",
    "task_id": "faces"
  },
  "dummy_trs": 2,
  "dvars_nstd": 26.739719618379194,
  "dvars_std": 1.0693235571253816,
  "dvars_vstd": 1.002003527125382,
  "efc": 0.4208674215320036,
  "fber": 158906.640625,
  "fd_mean": 0.1013958873290919,
  "fd_num": 6,
  "fd_perc": 1.829268292682927,
  "fwhm_avg": 1.873285059234134,
  "fwhm_x": 1.8476533333333334,
  "fwhm_y": 1.9598866666666668,
  "fwhm_z": 1.8123151777024007,
  "gcor": 0.0128444,
  "gsr_x": -0.032452542334795,
  "gsr_y": 0.01626775972545147,
  "provenance": {
    "md5sum": "9017a86beeb52d103ce393229b9ed926",
    "settings": {
      "fd_thres": 0.2,
      "testing": false
    },
    "software": "mriqc",
    "version": "22.0.0rc1",
    "webapi_port": null,
    "webapi_url": "https://mriqc.nimh.nih.gov/api/v1"
  },
  "size_t": 328,
  "size_x": 80,
  "size_y": 80,
  "size_z": 36,
  "snr": 6.3345680108967235,
  "spacing_tr": 0.75,
  "spacing_x": 3.0,
  "spacing_y": 3.0,
  "spacing_z": 3.299999952316284,
  "summary_bg_k": 32.40303079863963,
  "summary_bg_mad": 46.16375288188174,
  "summary_bg_mean": 501.8701477050781,
  "summary_bg_median": 42.1972770690918,
  "summary_bg_n": 159565.0,
  "summary_bg_p05": 3.349758338928223,
  "summary_bg_p95": 2780.502246093749,
  "summary_bg_stdv": 1373.5250244140625,
  "summary_fg_k": 1.283914860053101,
  "summary_fg_mad": 2482.1569974018053,
  "summary_fg_mean": 17336.041015625,
  "summary_fg_median": 17343.35546875,
  "summary_fg_n": 30357.0,
  "summary_fg_p05": 12819.1611328125,
  "summary_fg_p95": 21732.004296875,
  "summary_fg_stdv": 2737.845703125,
  "tsnr": 50.54779052734375
}