{
  "aor": 0.00043126530612244896,
  "aqi": 0.0039752544489795915,
  "bids_meta": {
    "AcquisitionNumber": 3,
    "BidsifyVersion": "0.3.5",
    "ConversionSoftware": "dcm2niix",
    "ConversionSoftwareVersion": "v1.0.20181125  GCC6.3.0",
    "EchoTime": 0.02762,
    "EffectiveEchoSpacing": 0.0006621159151938905,
    "ImageComments": "Piop",
    "ImageOrientationPatientDICOM": [
      0.999988,
      -0.00293812,
      0.00394384,
      0.0043633,
      0.90001,
      -0.435846
    ],
    "Manufacturer": "Philips",
    "NumberOfVolumesDiscardedByScanner": 2,
    "ParallelAcquisitionTechnique": "SENSE",
    "ParallelReductionFactorInPlane": 2,
    "PatientPosition": "HFS",
    "PhaseEncodingDirection": "j",
    "PhilipsRescaleIntercept": 0,
    "PhilipsRescaleSlope": 0.79219,
    "PhilipsScaleSlope": 0.0646017,
    "ProtocolName": "WIPpiopgstroopSENSE",
    "PulseSequenceType": "gradient echo EPI",
    "ReconMatrixPE": 80,
    "RepetitionTime": 2,
    "SeriesDescription": "ImageMRSERIES",
    "SeriesNumber": 3,
    "SliceEncodingDirection": "k",
    "SliceTiming": [
      0.0,
      0.0541,
      0.1081,
      0.1622,
      0.2162,
      0.2703,
      0.3243,
      0.3784,
      0.4324,
      0.4865,
      0.5405,
      0.5946,
      0.6486,
      0.7027,
      0.7568,
      0.8108,
      0.8649,
      0.9189,
      0.973,
      1.027,
      1.0811,
      1.1351,
      1.1892,
      1.2432,
      1.2973,
      1.3514,
      1.4054,
      1.4595,
      1.5135,
      1.5676,
      1.6216,
      1.6757,
      1.7297,
      1.7838,
      1.8378,
      1.8919,
      1.9459
    ],
    "TaskName": "gstroop",
    "TotalReadoutTime": 0.025822520692561732,
    "UsePhilipsFloatNotDisplayScaling": 1,
    "acq_id": "seq",
    "dataset": "ds002785",
    "modality": "bold",
    "subject_id": "0031",
    "task_id": "gstroop"
  },
  "dummy_trs": 0,
  "dvars_nstd": 26.520663527336055,
  "dvars_std": 1.4358136809836057,
  "dvars_vstd": 0.9854954962704918,
  "efc": 0.417373206518877,
  "fber": 130955.453125,
  "fd_mean": 0.11527654063630902,
  "fd_num": 16,
  "fd_perc": 6.530612244897959,
  "fwhm_avg": 1.8358604126613047,
  "fwhm_x": 1.7922866666666666,
  "fwhm_y": 1.92544,
  "fwhm_z": 1.7898545713172476,
  "gcor": 0.0335876,
  "gsr_x": -0.031578101217746735,
  "gsr_y": 0.016261672601103783,
  "provenance": {
    "md5sum": "40f93fc3d5a9843c6057272330040828",
    "settings": {
      "fd_thres": 0.2,
      "testing": false
    },
    "software": "mriqc",
    "version": "22.0.0rc1",
    "webapi_port": null,
    "webapi_url": "https://mriqc.nimh.nih.gov/api/v1"
  },
  "size_t": 245,
  "size_x": 80,
  "size_y": 80,
  "size_z": 37,
  "snr": 5.475298380672868,
  "spacing_tr": 2.0,
  "spacing_x": 3.0,
  "spacing_y": 3.0,
  "spacing_z": 3.299999952316284,
  "summary_bg_k": 46.02643141936984,
  "summary_bg_mad": 62.06635753059121,
  "summary_bg_mean": 668.5703125,
  "summary_bg_median": 60.600181579589844,
  "summary_bg_n": 164616.0,
  "summary_bg_p05": 6.221182107925415,
  "summary_bg_p95": 3717.7479858398438,
  "summary_bg_stdv": 1882.3865966796875,
  "summary_fg_k": 2.2696396134428998,
  "summary_fg_mad": 3645.72609457392,
  "summary_fg_mean": 23018.798828125,
  "summary_fg_median": 22640.13671875,
  "summary_fg_n": 31150.0,
  "summary_fg_p05": 16977.55439453125,
  "summary_fg_p95": 29883.75244140625,
  "summary_fg_stdv": 4134.89306640625,
  "tsnr": 79.28041076660156
}