{
  "bids_meta": {
    "AcquisitionNumber": 4,
    "BidsifyVersion": "0.3.5",
    "ConversionSoftware": "dcm2niix",
    "ConversionSoftwareVersion": "v1.0.20181125  GCC6.3.0",
    "EchoTime": 0.00372,
    "ImageComments": "Piop",
    "ImageOrientationPatientDICOM": [
      0.998848,
      -0.00219769,
      0.0479306,
      0.000522996,
      0.99939,
      0.0349246
    ],
    "Manufacturer": "Philips",
    "PatientPosition": "HFS",
    "PhilipsRescaleIntercept": 0,
    "PhilipsRescaleSlope": 8.9094,
    "PhilipsScaleSlope": 0.00770067,
    "ProtocolName": "WIPt13dSENSE",
    "ReconMatrixPE": 240,
    "RepetitionTime": 0.008147,
    "SeriesDescription": "ImageMRSERIES",
    "SeriesNumber": 4,
    "UsePhilipsFloatNotDisplayScaling": 1,
    "dataset": "ds002785",
    "modality": "T1w",
    "subject_id": "0180"
  },
  "cjv": 0.30371096562844846,
  "cnr": 4.165956010906507,
  "efc": 0.7626072195089578,
  "fber": 1504.352294921875,
  "fwhm_avg": 3.6972733333333334,
  "fwhm_x": 3.66244,
  "fwhm_y": 3.92007,
  "fwhm_z": 3.50931,
  "icvs_csf": 0.20563348429847067,
  "icvs_gm": 0.42556512684721454,
  "icvs_wm": 0.3688013888543148,
  "inu_med": 2.363158941268921,
  "inu_range": 0.6406769752502441,
  "provenance": {
    "md5sum": "e4bd4d584a257de436bda8e53d2a276b",
    "settings": {
      "testing": false
    },
    "software": "mriqc",
    "version": "22.0.0rc1",
    "warnings": {
      "large_rot_frame": true,
      "small_air_mask": true
    },
    "webapi_port": null,
    "webapi_url": "https://mriqc.nimh.nih.gov/api/v1"
  },
  "qi_1": 0.0,
  "qi_2": 0.00017900940203546812,
  "rpve_csf": 28.571244739600267,
  "rpve_gm": 15.014614372961969,
  "rpve_wm": 21.9155859733541,
  "size_x": 240,
  "size_y": 240,
  "size_z": 220,
  "snr_csf": 2.9037878553487166,
  "snr_gm": 7.884098499642355,
  "snr_total": 10.687418588497055,
  "snr_wm": 21.274369410500096,
  "snrd_csf": 24.08895193480912,
  "snrd_gm": 41.35260208651686,
  "snrd_total": 44.172692065346645,
  "snrd_wm": 67.07652217471396,
  "spacing_x": 1.0,
  "spacing_y": 1.0,
  "spacing_z": 1.0,
  "summary_bg_k": 2.0388852771738373,
  "summary_bg_mad": 9.76693599760641,
  "summary_bg_mean": 16.012094497680664,
  "summary_bg_median": 13.063531875610352,
  "summary_bg_n": 116134.0,
  "summary_bg_p05": 0.0,
  "summary_bg_p95": 39.16602897644043,
  "summary_bg_stdv": 12.271900177001953,
  "summary_csf_k": 16.219920245738283,
  "summary_csf_mad": 88.64251441900399,
  "summary_csf_mean": 341.83953857421875,
  "summary_csf_median": 359.12408447265625,
  "summary_csf_n": 7390.0,
  "summary_csf_p05": 121.60689048767091,
  "summary_csf_p95": 482.84488067626944,
  "summary_csf_stdv": 123.66598510742188,
  "summary_gm_k": 0.3233233780816085,
  "summary_gm_mad": 74.154362475241,
  "summary_gm_mean": 620.2153930664062,
  "summary_gm_median": 616.494873046875,
  "summary_gm_n": 24839.0,
  "summary_gm_p05": 497.329541015625,
  "summary_gm_p95": 757.6476440429688,
  "summary_gm_stdv": 78.19314575195312,
  "summary_wm_k": 1.0213635715683695,
  "summary_wm_mad": 42.31836649120542,
  "summary_wm_mean": 997.6728515625,
  "summary_wm_median": 999.9934692382812,
  "summary_wm_n": 199518.0,
  "summary_wm_p05": 916.0160430908203,
  "summary_wm_p95": 1069.8050476074218,
  "summary_wm_stdv": 47.004493713378906,
  "tpm_overlap_csf": 0.16069090366363525,
  "tpm_overlap_gm": 0.45481356978416443,
  "tpm_overlap_wm": 0.518502950668335,
  "wm2max": 0.6507169348213899
}