{
  "bids_meta": {
    "AcquisitionNumber": 4,
    "BidsifyVersion": "0.3.5",
    "ConversionSoftware": "dcm2niix",
    "ConversionSoftwareVersion": "v1.0.20181125  GCC6.3.0",
    "EchoTime": 0.00383,
    "ImageComments": "piop",
    "ImageOrientationPatientDICOM": [
      0.994654,
      -0.092326,
      0.0462585,
      0.0970009,
      0.98898,
      -0.111842
    ],
    "Manufacturer": "Philips",
    "PatientPosition": "HFS",
    "PhilipsRescaleIntercept": 0,
    "PhilipsRescaleSlope": 9.49744,
    "PhilipsScaleSlope": 0.00761033,
    "ProtocolName": "WIPt13dSENSE",
    "ReconMatrixPE": 240,
    "RepetitionTime": 0.008302,
    "SeriesDescription": "ImageMRSERIES",
    "SeriesNumber": 4,
    "UsePhilipsFloatNotDisplayScaling": 1,
    "dataset": "ds002785",
    "modality": "T1w",
    "subject_id": "0115"
  },
  "cjv": 0.3431403089244579,
  "cnr": 3.7242563520437435,
  "efc": 0.7520576043196748,
  "fber": 823.0697021484375,
  "fwhm_avg": 3.332560131652959,
  "fwhm_x": 3.368330200768125,
  "fwhm_y": 3.37137,
  "fwhm_z": 3.2579801941907522,
  "icvs_csf": 0.20567572936991213,
  "icvs_gm": 0.4248809456302334,
  "icvs_wm": 0.3694433249998545,
  "inu_med": 1.964085340499878,
  "inu_range": 0.42126812338829045,
  "provenance": {
    "md5sum": "2e361a38bee77943af4ec76939ef6397",
    "settings": {
      "testing": false
    },
    "software": "mriqc",
    "version": "22.0.0rc1",
    "warnings": {
      "large_rot_frame": true,
      "small_air_mask": true
    },
    "webapi_port": null,
    "webapi_url": "https://mriqc.nimh.nih.gov/api/v1"
  },
  "qi_1": 0.0,
  "qi_2": 0.00013883750487815168,
  "rpve_csf": 31.84137702378813,
  "rpve_gm": 16.53033579695335,
  "rpve_wm": 24.147312589755863,
  "size_x": 240,
  "size_y": 240,
  "size_z": 220,
  "snr_csf": 3.60371144398992,
  "snr_gm": 7.423599406196702,
  "snr_total": 10.520402693011066,
  "snr_wm": 20.53389722884658,
  "snrd_csf": 28.087284011804677,
  "snrd_gm": 47.6728566712923,
  "snrd_total": 50.44643435068781,
  "snrd_wm": 75.57916236896645,
  "spacing_x": 0.9999999403953552,
  "spacing_y": 1.0,
  "spacing_z": 0.9999999403953552,
  "summary_bg_k": 399.48166662100135,
  "summary_bg_mad": 8.668024914725894,
  "summary_bg_mean": 13.655274391174316,
  "summary_bg_median": 11.588064193725586,
  "summary_bg_n": 131576.0,
  "summary_bg_p05": 0.0,
  "summary_bg_p95": 35.08767890930176,
  "summary_bg_stdv": 15.446059226989746,
  "summary_csf_k": 22.23475682542717,
  "summary_csf_mad": 64.60255470696292,
  "summary_csf_mean": 356.91943359375,
  "summary_csf_median": 371.6192321777344,
  "summary_csf_n": 3615.0,
  "summary_csf_p05": 162.8619567871094,
  "summary_csf_p95": 476.00928955078115,
  "summary_csf_stdv": 103.10698699951172,
  "summary_gm_k": 0.10351888179712132,
  "summary_gm_mad": 82.95658922075351,
  "summary_gm_mean": 634.9761962890625,
  "summary_gm_median": 630.75341796875,
  "summary_gm_n": 13774.0,
  "summary_gm_p05": 500.0871612548828,
  "summary_gm_p95": 781.1129119873046,
  "summary_gm_stdv": 84.96289825439453,
  "summary_wm_k": 1.0585869406291888,
  "summary_wm_mad": 43.73929918994102,
  "summary_wm_mean": 997.6651000976562,
  "summary_wm_median": 999.9781494140625,
  "summary_wm_n": 173941.0,
  "summary_wm_p05": 913.90576171875,
  "summary_wm_p95": 1072.7991943359375,
  "summary_wm_stdv": 48.69875717163086,
  "tpm_overlap_csf": 0.15595488250255585,
  "tpm_overlap_gm": 0.4436003267765045,
  "tpm_overlap_wm": 0.5077491402626038,
  "wm2max": 0.7097560923237796
}