{
  "aor": 0.0009033061224489797,
  "aqi": 0.006159575183673469,
  "bids_meta": {
    "AcquisitionNumber": 3,
    "BidsifyVersion": "0.3.5",
    "ConversionSoftware": "dcm2niix",
    "ConversionSoftwareVersion": "v1.0.20181125  GCC6.3.0",
    "EchoTime": 0.02762,
    "EffectiveEchoSpacing": 0.0006621159151938905,
    "ImageComments": "piop",
    "ImageOrientationPatientDICOM": [
      0.999913,
      -0.0079154,
      -0.0105109,
      0.00488654,
      0.965081,
      -0.261907
    ],
    "Manufacturer": "Philips",
    "NumberOfVolumesDiscardedByScanner": 2,
    "ParallelAcquisitionTechnique": "SENSE",
    "ParallelReductionFactorInPlane": 2,
    "PatientPosition": "HFS",
    "PhaseEncodingDirection": "j",
    "PhilipsRescaleIntercept": 0,
    "PhilipsRescaleSlope": 0.79463,
    "PhilipsScaleSlope": 0.0609955,
    "ProtocolName": "WIPpiopgstroopSENSE",
    "PulseSequenceType": "gradient echo EPI",
    "ReconMatrixPE": 80,
    "RepetitionTime": 2,
    "SeriesDescription": "ImageMRSERIES",
    "SeriesNumber": 3,
    "SliceEncodingDirection": "k",
    "SliceTiming": [
      0.0,
      0.0541,
      0.1081,
      0.1622,
      0.2162,
      0.2703,
      0.3243,
      0.3784,
      0.4324,
      0.4865,
      0.5405,
      0.5946,
      0.6486,
      0.7027,
      0.7568,
      0.8108,
      0.8649,
      0.9189,
      0.973,
      1.027,
      1.0811,
      1.1351,
      1.1892,
      1.2432,
      1.2973,
      1.3514,
      1.4054,
      1.4595,
      1.5135,
      1.5676,
      1.6216,
      1.6757,
      1.7297,
      1.7838,
      1.8378,
      1.8919,
      1.9459
    ],
    "TaskName": "gstroop",
    "TotalReadoutTime": 0.025822520692561732,
    "UsePhilipsFloatNotDisplayScaling": 1,
    "acq_id": "seq",
    "dataset": "ds002785",
    "modality": "bold",
    "subject_id": "0195",
    "task_id": "gstroop"
  },
  "dummy_trs": 0,
  "dvars_nstd": 16.758939176434424,
  "dvars_std": 1.1198308271311477,
  "dvars_vstd": 0.954285834836066,
  "efc": 0.4032975564332691,
  "fber": 189579.328125,
  "fd_mean": 0.07832087582061462,
  "fd_num": 0,
  "fd_perc": 0.0,
  "fwhm_avg": 1.7885281900436445,
  "fwhm_x": 1.75256,
  "fwhm_y": 1.90527,
  "fwhm_z": 1.7077545701309342,
  "gcor": 0.0270457,
  "gsr_x": -0.02443634904921055,
  "gsr_y": 0.016112321987748146,
  "provenance": {
    "md5sum": "577f9397085ebc81efc78c891b943a6a",
    "settings": {
      "fd_thres": 0.2,
      "testing": false
    },
    "software": "mriqc",
    "version": "22.0.0rc1",
    "webapi_port": null,
    "webapi_url": "https://mriqc.nimh.nih.gov/api/v1"
  },
  "size_t": 245,
  "size_x": 80,
  "size_y": 80,
  "size_z": 37,
  "snr": 6.525402947838528,
  "spacing_tr": 2.0,
  "spacing_x": 3.0,
  "spacing_y": 3.0,
  "spacing_z": 3.299999952316284,
  "summary_bg_k": 141.7532974652029,
  "summary_bg_mad": 59.88397112572822,
  "summary_bg_mean": 514.899658203125,
  "summary_bg_median": 60.329673767089844,
  "summary_bg_n": 164243.0,
  "summary_bg_p05": 3.0716929674148563,
  "summary_bg_p95": 2477.2437499999996,
  "summary_bg_stdv": 1779.5269775390625,
  "summary_fg_k": 1.4382615638174165,
  "summary_fg_mad": 4050.6545862346175,
  "summary_fg_mean": 27038.78125,
  "summary_fg_median": 26737.01953125,
  "summary_fg_n": 31800.0,
  "summary_fg_p05": 21051.94697265625,
  "summary_fg_p95": 33845.3990234375,
  "summary_fg_stdv": 4097.31005859375,
  "tsnr": 81.91390228271484
}