{
  "aor": 0.00024295833333333333,
  "aqi": 0.008529572416666667,
  "bids_meta": {
    "AcquisitionNumber": 6,
    "BidsifyVersion": "0.3.5",
    "ConversionSoftware": "dcm2niix",
    "ConversionSoftwareVersion": "v1.0.20181125  GCC6.3.0",
    "EchoTime": 0.02762,
    "EffectiveEchoSpacing": 0.0006333282667071997,
    "ImageComments": "piop",
    "ImageOrientationPatientDICOM": [
      0.999913,
      -0.0079154,
      -0.0105109,
      0.00488654,
      0.965081,
      -0.261907
    ],
    "Manufacturer": "Philips",
    "NumberOfVolumesDiscardedByScanner": 2,
    "ParallelAcquisitionTechnique": "SENSE",
    "ParallelReductionFactorInPlane": 2,
    "PatientPosition": "HFS",
    "PhaseEncodingDirection": "j",
    "PhilipsRescaleIntercept": 0,
    "PhilipsRescaleSlope": 0.76459,
    "PhilipsScaleSlope": 0.104801,
    "ProtocolName": "WIPpioprsSENSE",
    "PulseSequenceType": "gradient echo EPI",
    "ReconMatrixPE": 80,
    "RepetitionTime": 0.75,
    "SeriesDescription": "ImageMRSERIES",
    "SeriesNumber": 6,
    "SliceEncodingDirection": "k",
    "SliceTiming": [
      0.0,
      0.06755050505050506,
      0.1351010101010101,
      0.20265151515151517,
      0.2702020202020202,
      0.3377525252525253,
      0.40530303030303033,
      0.47285353535353536,
      0.5404040404040404,
      0.6079545454545455,
      0.6755050505050506,
      0.7430555555555556,
      0.0,
      0.06755050505050506,
      0.1351010101010101,
      0.20265151515151517,
      0.2702020202020202,
      0.3377525252525253,
      0.40530303030303033,
      0.47285353535353536,
      0.5404040404040404,
      0.6079545454545455,
      0.6755050505050506,
      0.7430555555555556,
      0.0,
      0.06755050505050506,
      0.1351010101010101,
      0.20265151515151517,
      0.2702020202020202,
      0.3377525252525253,
      0.40530303030303033,
      0.47285353535353536,
      0.5404040404040404,
      0.6079545454545455,
      0.6755050505050506,
      0.7430555555555556
    ],
    "TaskName": "restingstate",
    "TotalReadoutTime": 0.024699802401580786,
    "UsePhilipsFloatNotDisplayScaling": 1,
    "acq_id": "mb3",
    "dataset": "ds002785",
    "modality": "bold",
    "subject_id": "0195",
    "task_id": "restingstate"
  },
  "dummy_trs": 0,
  "dvars_nstd": 25.222784261524012,
  "dvars_std": 1.116851500438414,
  "dvars_vstd": 0.996218966283925,
  "efc": 0.4103224519818821,
  "fber": 183173.53125,
  "fd_mean": 0.08390330132700531,
  "fd_num": 1,
  "fd_perc": 0.20833333333333334,
  "fwhm_avg": 1.8327471801728503,
  "fwhm_x": 1.7999599999999998,
  "fwhm_y": 1.94273,
  "fwhm_z": 1.7555515405185516,
  "gcor": 0.0105881,
  "gsr_x": -0.025779686868190765,
  "gsr_y": 0.014824151992797852,
  "provenance": {
    "md5sum": "0de6522ea16621aaf5fcab50448033c1",
    "settings": {
      "fd_thres": 0.2,
      "testing": false
    },
    "software": "mriqc",
    "version": "22.0.0rc1",
    "webapi_port": null,
    "webapi_url": "https://mriqc.nimh.nih.gov/api/v1"
  },
  "size_t": 480,
  "size_x": 80,
  "size_y": 80,
  "size_z": 36,
  "snr": 7.3965674527387675,
  "spacing_tr": 0.75,
  "spacing_x": 3.0,
  "spacing_y": 3.0,
  "spacing_z": 3.299999952316284,
  "summary_bg_k": 94.16707056446629,
  "summary_bg_mad": 43.34453211468098,
  "summary_bg_mean": 353.2420349121094,
  "summary_bg_median": 40.12616729736328,
  "summary_bg_n": 158798.0,
  "summary_bg_p05": 0.919739317893982,
  "summary_bg_p95": 1765.2113769531243,
  "summary_bg_stdv": 1111.9315185546875,
  "summary_fg_k": 1.1239303929885418,
  "summary_fg_mad": 2272.3955687772495,
  "summary_fg_mean": 17589.142578125,
  "summary_fg_median": 17541.53515625,
  "summary_fg_n": 31404.0,
  "summary_fg_p05": 13912.3046875,
  "summary_fg_p95": 21502.049316406246,
  "summary_fg_stdv": 2371.5400390625,
  "tsnr": 58.81227493286133
}