{
  "bids_meta": {
    "AcquisitionNumber": 4,
    "BidsifyVersion": "0.3.5",
    "ConversionSoftware": "dcm2niix",
    "ConversionSoftwareVersion": "v1.0.20181125  GCC6.3.0",
    "EchoTime": 0.00383,
    "ImageComments": "piop",
    "ImageOrientationPatientDICOM": [
      0.998722,
      -0.0308156,
      0.0400629,
      0.0378433,
      0.98133,
      -0.188571
    ],
    "Manufacturer": "Philips",
    "PatientPosition": "HFS",
    "PhilipsRescaleIntercept": 0,
    "PhilipsRescaleSlope": 8.75702,
    "PhilipsScaleSlope": 0.00785226,
    "ProtocolName": "WIPt13dSENSE",
    "ReconMatrixPE": 240,
    "RepetitionTime": 0.008333,
    "SeriesDescription": "ImageMRSERIES",
    "SeriesNumber": 4,
    "UsePhilipsFloatNotDisplayScaling": 1,
    "dataset": "ds002785",
    "modality": "T1w",
    "subject_id": "0029"
  },
  "cjv": 0.3019134656302764,
  "cnr": 4.052149442283774,
  "efc": 0.7556682987088325,
  "fber": 1324.3546142578125,
  "fwhm_avg": 3.604180068240369,
  "fwhm_x": 3.54654,
  "fwhm_y": 3.83135,
  "fwhm_z": 3.4346502047211054,
  "icvs_csf": 0.20822291676266783,
  "icvs_gm": 0.4149411205084563,
  "icvs_wm": 0.37683596272887593,
  "inu_med": 1.6148346662521362,
  "inu_range": 0.44854488372802725,
  "provenance": {
    "md5sum": "50a7790235d13687c197a3c75c89b990",
    "settings": {
      "testing": false
    },
    "software": "mriqc",
    "version": "22.0.0rc1",
    "warnings": {
      "large_rot_frame": true,
      "small_air_mask": true
    },
    "webapi_port": null,
    "webapi_url": "https://mriqc.nimh.nih.gov/api/v1"
  },
  "qi_1": 0.0,
  "qi_2": 0.00020383933508165831,
  "rpve_csf": 28.877558384606367,
  "rpve_gm": 15.412038897669246,
  "rpve_wm": 22.191003484565837,
  "size_x": 240,
  "size_y": 240,
  "size_z": 220,
  "snr_csf": 2.2403272729005943,
  "snr_gm": 7.009529398353104,
  "snr_total": 10.003010480370618,
  "snr_wm": 20.759174769858156,
  "snrd_csf": 19.814199233438092,
  "snrd_gm": 40.53463714309883,
  "snrd_total": 42.685698341999,
  "snrd_wm": 67.70825864946009,
  "spacing_x": 1.0,
  "spacing_y": 1.0,
  "spacing_z": 0.9999999403953552,
  "summary_bg_k": 157.12278038399117,
  "summary_bg_mad": 9.675560379317808,
  "summary_bg_mean": 14.933223724365234,
  "summary_bg_median": 13.005073547363281,
  "summary_bg_n": 161295.0,
  "summary_bg_p05": 0.0,
  "summary_bg_p95": 38.85904731750488,
  "summary_bg_stdv": 13.961119651794434,
  "summary_csf_k": 7.2077670248814485,
  "summary_csf_mad": 162.3700315167614,
  "summary_csf_mean": 271.7982177734375,
  "summary_csf_median": 292.63140869140625,
  "summary_csf_n": 6104.0,
  "summary_csf_p05": 73.04360885620117,
  "summary_csf_p95": 446.9627471923828,
  "summary_csf_stdv": 130.60923767089844,
  "summary_gm_k": 0.5086053898915925,
  "summary_gm_mad": 78.42996502786376,
  "summary_gm_mean": 600.9102172851562,
  "summary_gm_median": 598.6468505859375,
  "summary_gm_n": 15393.0,
  "summary_gm_p05": 465.0243896484375,
  "summary_gm_p95": 748.7811279296874,
  "summary_gm_stdv": 85.40193939208984,
  "summary_wm_k": 1.252840377119183,
  "summary_wm_mad": 42.73426247486336,
  "summary_wm_mean": 996.772216796875,
  "summary_wm_median": 999.9678955078125,
  "summary_wm_n": 198128.0,
  "summary_wm_p05": 912.2024291992187,
  "summary_wm_p95": 1068.9345092773438,
  "summary_wm_stdv": 48.169803619384766,
  "tpm_overlap_csf": 0.1649141013622284,
  "tpm_overlap_gm": 0.4341740906238556,
  "tpm_overlap_wm": 0.5030195116996765,
  "wm2max": 0.7328411919416694
}