{
  "aor": 0.0012777037037037036,
  "aqi": 0.003607376444444445,
  "bids_meta": {
    "AcquisitionNumber": 5,
    "BidsifyVersion": "0.3.5",
    "ConversionSoftware": "dcm2niix",
    "ConversionSoftwareVersion": "v1.0.20181125  GCC6.3.0",
    "EchoTime": 0.02762,
    "EffectiveEchoSpacing": 0.0006621159151938905,
    "ImageComments": "piop",
    "ImageOrientationPatientDICOM": [
      0.999569,
      0.0279658,
      0.00898293,
      -0.0256509,
      0.980083,
      -0.196926
    ],
    "Manufacturer": "Philips",
    "NumberOfVolumesDiscardedByScanner": 2,
    "ParallelAcquisitionTechnique": "SENSE",
    "ParallelReductionFactorInPlane": 2,
    "PatientPosition": "HFS",
    "PhaseEncodingDirection": "j",
    "PhilipsRescaleIntercept": 0,
    "PhilipsRescaleSlope": 0.83541,
    "PhilipsScaleSlope": 0.0602233,
    "ProtocolName": "WIPpiopharririSENSE",
    "PulseSequenceType": "gradient echo EPI",
    "ReconMatrixPE": 80,
    "RepetitionTime": 2,
    "SeriesDescription": "ImageMRSERIES",
    "SeriesNumber": 5,
    "SliceEncodingDirection": "k",
    "SliceTiming": [
      0.0,
      0.0541,
      0.1081,
      0.1622,
      0.2162,
      0.2703,
      0.3243,
      0.3784,
      0.4324,
      0.4865,
      0.5405,
      0.5946,
      0.6486,
      0.7027,
      0.7568,
      0.8108,
      0.8649,
      0.9189,
      0.973,
      1.027,
      1.0811,
      1.1351,
      1.1892,
      1.2432,
      1.2973,
      1.3514,
      1.4054,
      1.4595,
      1.5135,
      1.5676,
      1.6216,
      1.6757,
      1.7297,
      1.7838,
      1.8378,
      1.8919,
      1.9459
    ],
    "TaskName": "emomatching",
    "TotalReadoutTime": 0.025822520692561732,
    "UsePhilipsFloatNotDisplayScaling": 1,
    "acq_id": "seq",
    "dataset": "ds002785",
    "modality": "bold",
    "subject_id": "0168",
    "task_id": "emomatching"
  },
  "dummy_trs": 0,
  "dvars_nstd": 22.87542131007463,
  "dvars_std": 1.2550110871641793,
  "dvars_vstd": 1.0134796323134325,
  "efc": 0.4693705318667351,
  "fber": 139394.046875,
  "fd_mean": 0.07990077104317238,
  "fd_num": 3,
  "fd_perc": 2.2222222222222223,
  "fwhm_avg": 1.8608072811713772,
  "fwhm_x": 1.7649633333333332,
  "fwhm_y": 2.06431,
  "fwhm_z": 1.7531485101807984,
  "gcor": 0.0245471,
  "gsr_x": -0.02243036963045597,
  "gsr_y": 0.03271186724305153,
  "provenance": {
    "md5sum": "037ca12a0ea2572abe3c654434e81431",
    "settings": {
      "fd_thres": 0.2,
      "testing": false
    },
    "software": "mriqc",
    "version": "22.0.0rc1",
    "webapi_port": null,
    "webapi_url": "https://mriqc.nimh.nih.gov/api/v1"
  },
  "size_t": 135,
  "size_x": 80,
  "size_y": 80,
  "size_z": 37,
  "snr": 5.691027525485308,
  "spacing_tr": 2.0,
  "spacing_x": 3.0,
  "spacing_y": 3.0,
  "spacing_z": 3.299999952316284,
  "summary_bg_k": 35.01039490912369,
  "summary_bg_mad": 61.45035656744298,
  "summary_bg_mean": 793.6964111328125,
  "summary_bg_median": 59.619789123535156,
  "summary_bg_n": 152780.0,
  "summary_bg_p05": 4.88494236469269,
  "summary_bg_p95": 4833.3817626953105,
  "summary_bg_stdv": 2115.990234375,
  "summary_fg_k": 1.4334662124524717,
  "summary_fg_mad": 3870.230293794114,
  "summary_fg_mean": 23298.15625,
  "summary_fg_median": 22964.77734375,
  "summary_fg_n": 41504.0,
  "summary_fg_p05": 17358.9568359375,
  "summary_fg_p95": 30069.647460937496,
  "summary_fg_stdv": 4035.211669921875,
  "tsnr": 84.32897186279297
}