{
  "aor": 0.0017763580246913581,
  "aqi": 0.005646605740740742,
  "bids_meta": {
    "AcquisitionNumber": 8,
    "BidsifyVersion": "0.3.5",
    "ConversionSoftware": "dcm2niix",
    "ConversionSoftwareVersion": "v1.0.20181125  GCC6.3.0",
    "EchoTime": 0.02762,
    "EffectiveEchoSpacing": 0.0006621159151938905,
    "ImageComments": "piop",
    "ImageOrientationPatientDICOM": [
      0.999569,
      0.0279658,
      0.00898293,
      -0.0256509,
      0.980083,
      -0.196926
    ],
    "Manufacturer": "Philips",
    "NumberOfVolumesDiscardedByScanner": 2,
    "ParallelAcquisitionTechnique": "SENSE",
    "ParallelReductionFactorInPlane": 2,
    "PatientPosition": "HFS",
    "PhaseEncodingDirection": "j",
    "PhilipsRescaleIntercept": 0,
    "PhilipsRescaleSlope": 0.78217,
    "PhilipsScaleSlope": 0.060654,
    "ProtocolName": "WIPpiopwmSENSE",
    "PulseSequenceType": "gradient echo EPI",
    "ReconMatrixPE": 80,
    "RepetitionTime": 2,
    "SeriesDescription": "ImageMRSERIES",
    "SeriesNumber": 8,
    "SliceEncodingDirection": "k",
    "SliceTiming": [
      0.0,
      0.0541,
      0.1081,
      0.1622,
      0.2162,
      0.2703,
      0.3243,
      0.3784,
      0.4324,
      0.4865,
      0.5405,
      0.5946,
      0.6486,
      0.7027,
      0.7568,
      0.8108,
      0.8649,
      0.9189,
      0.973,
      1.027,
      1.0811,
      1.1351,
      1.1892,
      1.2432,
      1.2973,
      1.3514,
      1.4054,
      1.4595,
      1.5135,
      1.5676,
      1.6216,
      1.6757,
      1.7297,
      1.7838,
      1.8378,
      1.8919,
      1.9459
    ],
    "TaskName": "workingmemory",
    "TotalReadoutTime": 0.025822520692561732,
    "UsePhilipsFloatNotDisplayScaling": 1,
    "acq_id": "seq",
    "dataset": "ds002785",
    "modality": "bold",
    "subject_id": "0168",
    "task_id": "workingmemory"
  },
  "dummy_trs": 0,
  "dvars_nstd": 23.219261358881994,
  "dvars_std": 1.2387663709316772,
  "dvars_vstd": 1.0090150834782605,
  "efc": 0.46981738562348163,
  "fber": 138056.59375,
  "fd_mean": 0.09733200330870757,
  "fd_num": 9,
  "fd_perc": 5.555555555555555,
  "fwhm_avg": 1.851180917530314,
  "fwhm_x": 1.7464700000000002,
  "fwhm_y": 2.0549,
  "fwhm_z": 1.7521727525909416,
  "gcor": 0.0299444,
  "gsr_x": -0.022041961550712585,
  "gsr_y": 0.03334655985236168,
  "provenance": {
    "md5sum": "a2185390f8e212d042ed2b5c366fe6d0",
    "settings": {
      "fd_thres": 0.2,
      "testing": false
    },
    "software": "mriqc",
    "version": "22.0.0rc1",
    "webapi_port": null,
    "webapi_url": "https://mriqc.nimh.nih.gov/api/v1"
  },
  "size_t": 162,
  "size_x": 80,
  "size_y": 80,
  "size_z": 37,
  "snr": 5.761013441998373,
  "spacing_tr": 2.0,
  "spacing_x": 3.0,
  "spacing_y": 3.0,
  "spacing_z": 3.299999952316284,
  "summary_bg_k": 34.04260096367682,
  "summary_bg_mad": 60.947289609077146,
  "summary_bg_mean": 799.2631225585938,
  "summary_bg_median": 59.0948371887207,
  "summary_bg_n": 152932.0,
  "summary_bg_p05": 4.975236153602601,
  "summary_bg_p95": 4895.232958984369,
  "summary_bg_stdv": 2122.261474609375,
  "summary_fg_k": 1.5379434964931953,
  "summary_fg_mad": 3781.411706788034,
  "summary_fg_mean": 23075.708984375,
  "summary_fg_median": 22745.576171875,
  "summary_fg_n": 41551.0,
  "summary_fg_p05": 17330.5693359375,
  "summary_fg_p95": 29676.6767578125,
  "summary_fg_stdv": 3948.142578125,
  "tsnr": 72.24498748779297
}