{
  "bids_meta": {
    "AcquisitionNumber": 4,
    "BidsifyVersion": "0.3.5",
    "ConversionSoftware": "dcm2niix",
    "ConversionSoftwareVersion": "v1.0.20181125  GCC6.3.0",
    "EchoTime": 0.00375,
    "ImageComments": "piop",
    "ImageOrientationPatientDICOM": [
      0.995827,
      0.0866181,
      0.0287486,
      -0.0862479,
      0.996177,
      -0.0138768
    ],
    "Manufacturer": "Philips",
    "PatientPosition": "HFS",
    "PhilipsRescaleIntercept": 0,
    "PhilipsRescaleSlope": 9.08181,
    "PhilipsScaleSlope": 0.00782406,
    "ProtocolName": "WIPt13dSENSE",
    "ReconMatrixPE": 240,
    "RepetitionTime": 0.008163,
    "SeriesDescription": "ImageMRSERIES",
    "SeriesNumber": 4,
    "UsePhilipsFloatNotDisplayScaling": 1,
    "dataset": "ds002785",
    "modality": "T1w",
    "subject_id": "0194"
  },
  "cjv": 0.33760983709287545,
  "cnr": 3.679957571037257,
  "efc": 0.7597238727216404,
  "fber": 1337.9014892578125,
  "fwhm_avg": 3.4022034051656767,
  "fwhm_x": 3.35059,
  "fwhm_y": 3.6154402154970295,
  "fwhm_z": 3.24058,
  "icvs_csf": 0.22497880099518391,
  "icvs_gm": 0.4111578722192143,
  "icvs_wm": 0.36386332678560174,
  "inu_med": 0.6250132918357849,
  "inu_range": 0.18442802131175995,
  "provenance": {
    "md5sum": "b885445c83538090efa711f27f436858",
    "settings": {
      "testing": false
    },
    "software": "mriqc",
    "version": "22.0.0rc1",
    "warnings": {
      "large_rot_frame": true,
      "small_air_mask": true
    },
    "webapi_port": null,
    "webapi_url": "https://mriqc.nimh.nih.gov/api/v1"
  },
  "qi_1": 0.0,
  "qi_2": 0.00020456733380565497,
  "rpve_csf": 28.94300216246341,
  "rpve_gm": 16.25788797176095,
  "rpve_wm": 24.183778602172183,
  "size_x": 240,
  "size_y": 240,
  "size_z": 220,
  "snr_csf": 4.1422728683768515,
  "snr_gm": 7.248669703059539,
  "snr_total": 10.724389589097447,
  "snr_wm": 20.782226195855948,
  "snrd_csf": 24.7178175279737,
  "snrd_gm": 38.744639074141965,
  "snrd_total": 41.6305642030617,
  "snrd_wm": 61.42923600706944,
  "spacing_x": 1.0,
  "spacing_y": 0.9999999403953552,
  "spacing_z": 1.0,
  "summary_bg_k": 28.36713943319358,
  "summary_bg_mad": 10.664705344407972,
  "summary_bg_mean": 15.917119979858398,
  "summary_bg_median": 14.323773384094238,
  "summary_bg_n": 143102.0,
  "summary_bg_p05": 0.0,
  "summary_bg_p95": 42.745008850097655,
  "summary_bg_stdv": 13.563403129577637,
  "summary_csf_k": 24.171845476706483,
  "summary_csf_mad": 79.62362993657392,
  "summary_csf_mean": 390.9942626953125,
  "summary_csf_median": 402.3715515136719,
  "summary_csf_n": 4899.0,
  "summary_csf_p05": 227.84521484375,
  "summary_csf_p95": 514.852648925781,
  "summary_csf_stdv": 97.1279525756836,
  "summary_gm_k": 0.24944679926428437,
  "summary_gm_mad": 81.50154146852812,
  "summary_gm_mean": 635.6573486328125,
  "summary_gm_median": 630.7086181640625,
  "summary_gm_n": 17466.0,
  "summary_gm_p05": 498.81077575683594,
  "summary_gm_p95": 787.427734375,
  "summary_gm_stdv": 87.00776672363281,
  "summary_wm_k": 1.2603557768555866,
  "summary_wm_mad": 43.16884482071133,
  "summary_wm_mean": 997.6427612304688,
  "summary_wm_median": 999.982177734375,
  "summary_wm_n": 171479.0,
  "summary_wm_p05": 915.2071594238281,
  "summary_wm_p95": 1070.9390014648438,
  "summary_wm_stdv": 48.117042541503906,
  "tpm_overlap_csf": 0.14513850212097168,
  "tpm_overlap_gm": 0.4390839636325836,
  "tpm_overlap_wm": 0.5045884847640991,
  "wm2max": 0.6122884233830428
}