{
  "aor": 0.001759643605870021,
  "aqi": 0.010815014989517818,
  "bids_meta": {
    "AcquisitionNumber": 6,
    "BidsifyVersion": "0.3.5",
    "ConversionSoftware": "dcm2niix",
    "ConversionSoftwareVersion": "v1.0.20181125  GCC6.3.0",
    "EchoTime": 0.02762,
    "ImageComments": "piop",
    "ImageOrientationPatientDICOM": [
      0.99345,
      0.0942064,
      -0.0646669,
      -0.105468,
      0.973752,
      -0.2017
    ],
    "Manufacturer": "Philips",
    "NumberOfVolumesDiscardedByScanner": 2,
    "ParallelAcquisitionTechnique": "SENSE",
    "ParallelReductionFactorInPlane": 2,
    "PatientPosition": "HFS",
    "PhaseEncodingDirection": "j",
    "PhilipsRescaleIntercept": 0,
    "PhilipsRescaleSlope": 0.77094,
    "PhilipsScaleSlope": 0.0864031,
    "ProtocolName": "WIPpioprsSENSE",
    "PulseSequenceType": "gradient echo EPI",
    "ReconMatrixPE": 80,
    "RepetitionTime": 0.75,
    "SeriesDescription": "ImageMRSERIES",
    "SeriesNumber": 6,
    "SliceEncodingDirection": "k",
    "TaskName": "restingstate",
    "UsePhilipsFloatNotDisplayScaling": 1,
    "acq_id": "mb3",
    "dataset": "ds002785",
    "modality": "bold",
    "subject_id": "0204",
    "task_id": "restingstate"
  },
  "dummy_trs": 3,
  "dvars_nstd": 27.919810170987386,
  "dvars_std": 1.0759238535504203,
  "dvars_vstd": 1.0086766837605037,
  "efc": 0.4479337207757265,
  "fber": 156780.515625,
  "fd_mean": 0.14272032915794866,
  "fd_num": 81,
  "fd_perc": 16.9811320754717,
  "fwhm_avg": 2.041540716464137,
  "fwhm_x": 1.9672433333333332,
  "fwhm_y": 2.2071333333333336,
  "fwhm_z": 1.950245482725743,
  "gcor": 0.0184113,
  "gsr_x": -0.02105189859867096,
  "gsr_y": 0.018688034266233444,
  "provenance": {
    "md5sum": "c3582ca668d2d41e6f1223075e0f6cb3",
    "settings": {
      "fd_thres": 0.2,
      "testing": false
    },
    "software": "mriqc",
    "version": "23.0.1",
    "webapi_port": null,
    "webapi_url": "https://mriqc.nimh.nih.gov/api/v1"
  },
  "size_t": 477,
  "size_x": 80,
  "size_y": 80,
  "size_z": 36,
  "snr": 5.287507198790391,
  "spacing_tr": 0.75,
  "spacing_x": 3.0,
  "spacing_y": 3.0,
  "spacing_z": 3.299999952316284,
  "summary_bg_k": 56.44870378326307,
  "summary_bg_mad": 45.468872875855475,
  "summary_bg_mean": 410.8487548828125,
  "summary_bg_median": 39.55824661254883,
  "summary_bg_n": 151572.0,
  "summary_bg_p05": 1.0875853836536409,
  "summary_bg_p95": 2103.7664550781233,
  "summary_bg_stdv": 1171.0142822265625,
  "summary_fg_k": 0.6222218851767667,
  "summary_fg_mad": 2905.29297363166,
  "summary_fg_mean": 16251.7373046875,
  "summary_fg_median": 16116.5,
  "summary_fg_n": 37848.0,
  "summary_fg_p05": 11441.19208984375,
  "summary_fg_p95": 21363.735742187502,
  "summary_fg_stdv": 3047.993408203125,
  "tsnr": 42.28471374511719
}