{
  "aor": 0.0006825151515151515,
  "aqi": 0.008084570333333334,
  "bids_meta": {
    "AcquisitionNumber": 2,
    "BidsifyVersion": "0.3.5",
    "ConversionSoftware": "dcm2niix",
    "ConversionSoftwareVersion": "v1.0.20181125  GCC6.3.0",
    "EchoTime": 0.02762,
    "ImageComments": "piop",
    "ImageOrientationPatientDICOM": [
      0.99345,
      0.0942064,
      -0.0646669,
      -0.105468,
      0.973752,
      -0.2017
    ],
    "Manufacturer": "Philips",
    "NumberOfVolumesDiscardedByScanner": 2,
    "ParallelAcquisitionTechnique": "SENSE",
    "ParallelReductionFactorInPlane": 2,
    "PatientPosition": "HFS",
    "PhaseEncodingDirection": "j",
    "PhilipsRescaleIntercept": 0,
    "PhilipsRescaleSlope": 0.73773,
    "PhilipsScaleSlope": 0.0895007,
    "ProtocolName": "WIPpiopfacesSENSE",
    "PulseSequenceType": "gradient echo EPI",
    "ReconMatrixPE": 80,
    "RepetitionTime": 0.75,
    "SeriesDescription": "ImageMRSERIES",
    "SeriesNumber": 2,
    "SliceEncodingDirection": "k",
    "TaskName": "faces",
    "UsePhilipsFloatNotDisplayScaling": 1,
    "acq_id": "mb3",
    "dataset": "ds002785",
    "modality": "bold",
    "subject_id": "0204",
    "task_id": "faces"
  },
  "dummy_trs": 0,
  "dvars_nstd": 27.099453847629157,
  "dvars_std": 1.0771886943768991,
  "dvars_vstd": 1.0023231010030398,
  "efc": 0.44860734031631216,
  "fber": 152096.828125,
  "fd_mean": 0.12275865840733602,
  "fd_num": 28,
  "fd_perc": 8.484848484848484,
  "fwhm_avg": 2.0445031406930454,
  "fwhm_x": 1.9802166666666665,
  "fwhm_y": 2.205853333333333,
  "fwhm_z": 1.9474394220791358,
  "gcor": 0.0149515,
  "gsr_x": -0.02244824357330799,
  "gsr_y": 0.017675522714853287,
  "provenance": {
    "md5sum": "885a4d428fa766cf94d614e4e30a6df2",
    "settings": {
      "fd_thres": 0.2,
      "testing": false
    },
    "software": "mriqc",
    "version": "23.0.1",
    "webapi_port": null,
    "webapi_url": "https://mriqc.nimh.nih.gov/api/v1"
  },
  "size_t": 330,
  "size_x": 80,
  "size_y": 80,
  "size_z": 36,
  "snr": 5.244109461796898,
  "spacing_tr": 0.75,
  "spacing_x": 3.0,
  "spacing_y": 3.0,
  "spacing_z": 3.299999952316284,
  "summary_bg_k": 51.21871913031158,
  "summary_bg_mad": 47.18959118295666,
  "summary_bg_mean": 425.02569580078125,
  "summary_bg_median": 41.42707061767578,
  "summary_bg_n": 151431.0,
  "summary_bg_p05": 1.3368545174598694,
  "summary_bg_p95": 2172.4390869140625,
  "summary_bg_stdv": 1214.994140625,
  "summary_fg_k": 0.4884637997325063,
  "summary_fg_mad": 3069.484653989375,
  "summary_fg_mean": 16756.9921875,
  "summary_fg_median": 16639.734375,
  "summary_fg_n": 38063.0,
  "summary_fg_p05": 11713.0689453125,
  "summary_fg_p95": 22032.07578125,
  "summary_fg_stdv": 3172.99169921875,
  "tsnr": 47.56349182128906
}