{
  "aor": 0.0022583703703703707,
  "aqi": 0.008971736148148146,
  "bids_meta": {
    "AcquisitionNumber": 5,
    "BidsifyVersion": "0.3.5",
    "ConversionSoftware": "dcm2niix",
    "ConversionSoftwareVersion": "v1.0.20181125  GCC6.3.0",
    "EchoTime": 0.02762,
    "ImageComments": "piop",
    "ImageOrientationPatientDICOM": [
      0.99345,
      0.0942064,
      -0.0646669,
      -0.105468,
      0.973752,
      -0.2017
    ],
    "Manufacturer": "Philips",
    "NumberOfVolumesDiscardedByScanner": 2,
    "ParallelAcquisitionTechnique": "SENSE",
    "ParallelReductionFactorInPlane": 2,
    "PatientPosition": "HFS",
    "PhaseEncodingDirection": "j",
    "PhilipsRescaleIntercept": 0,
    "PhilipsRescaleSlope": 0.74872,
    "PhilipsScaleSlope": 0.0591072,
    "ProtocolName": "WIPpiopharririSENSE",
    "PulseSequenceType": "gradient echo EPI",
    "ReconMatrixPE": 80,
    "RepetitionTime": 2,
    "SeriesDescription": "ImageMRSERIES",
    "SeriesNumber": 5,
    "SliceEncodingDirection": "k",
    "TaskName": "emomatching",
    "UsePhilipsFloatNotDisplayScaling": 1,
    "acq_id": "seq",
    "dataset": "ds002785",
    "modality": "bold",
    "subject_id": "0204",
    "task_id": "emomatching"
  },
  "dummy_trs": 0,
  "dvars_nstd": 28.87433395074628,
  "dvars_std": 1.201280276791044,
  "dvars_vstd": 0.979852371567164,
  "efc": 0.4412794365429852,
  "fber": 132899.21875,
  "fd_mean": 0.2256485669943181,
  "fd_num": 62,
  "fd_perc": 45.925925925925924,
  "fwhm_avg": 1.9829066757753804,
  "fwhm_x": 1.90271,
  "fwhm_y": 2.1548766666666666,
  "fwhm_z": 1.8911333606594745,
  "gcor": 0.0267861,
  "gsr_x": -0.020762376487255096,
  "gsr_y": 0.02027205377817154,
  "provenance": {
    "md5sum": "7206ab82c3c1fd50d29b78cfbbff8e25",
    "settings": {
      "fd_thres": 0.2,
      "testing": false
    },
    "software": "mriqc",
    "version": "23.0.1",
    "webapi_port": null,
    "webapi_url": "https://mriqc.nimh.nih.gov/api/v1"
  },
  "size_t": 135,
  "size_x": 80,
  "size_y": 80,
  "size_z": 37,
  "snr": 4.516891195318999,
  "spacing_tr": 2.0,
  "spacing_x": 3.0,
  "spacing_y": 3.0,
  "spacing_z": 3.299999952316284,
  "summary_bg_k": 80.93416876936216,
  "summary_bg_mad": 63.42721985268916,
  "summary_bg_mean": 560.5929565429688,
  "summary_bg_median": 59.45658493041992,
  "summary_bg_n": 156455.0,
  "summary_bg_p05": 2.955862092971802,
  "summary_bg_p95": 2871.4582763671833,
  "summary_bg_stdv": 1666.518310546875,
  "summary_fg_k": 2.0600618778364073,
  "summary_fg_mad": 4424.756824150976,
  "summary_fg_mean": 23068.42578125,
  "summary_fg_median": 22424.236328125,
  "summary_fg_n": 38531.0,
  "summary_fg_p05": 16101.9892578125,
  "summary_fg_p95": 31547.48046875,
  "summary_fg_stdv": 4964.46435546875,
  "tsnr": 52.90715789794922
}