{
  "bids_meta": {
    "AcquisitionNumber": 4,
    "BidsifyVersion": "0.3.5",
    "ConversionSoftware": "dcm2niix",
    "ConversionSoftwareVersion": "v1.0.20181125  GCC6.3.0",
    "EchoTime": 0.00386,
    "ImageComments": "Piop",
    "ImageOrientationPatientDICOM": [
      0.997967,
      0.0616241,
      -0.0162812,
      -0.0636611,
      0.976277,
      -0.206954
    ],
    "Manufacturer": "Philips",
    "PatientPosition": "HFS",
    "PhilipsRescaleIntercept": 0,
    "PhilipsRescaleSlope": 8.90452,
    "PhilipsScaleSlope": 0.00740208,
    "ProtocolName": "WIPt13dSENSE",
    "ReconMatrixPE": 240,
    "RepetitionTime": 0.008361,
    "SeriesDescription": "ImageMRSERIES",
    "SeriesNumber": 4,
    "UsePhilipsFloatNotDisplayScaling": 1,
    "dataset": "ds002785",
    "modality": "T1w",
    "subject_id": "0008"
  },
  "cjv": 0.3047199904071613,
  "cnr": 4.12067149670321,
  "efc": 0.7776080669753667,
  "fber": 853.0506591796875,
  "fwhm_avg": 3.4961030657140735,
  "fwhm_x": 3.4703395863032838,
  "fwhm_y": 3.75345,
  "fwhm_z": 3.2645196108389367,
  "icvs_csf": 0.1911378119679807,
  "icvs_gm": 0.43994810320381705,
  "icvs_wm": 0.3689140848282022,
  "inu_med": 2.156442642211914,
  "inu_range": 0.552461099624634,
  "provenance": {
    "md5sum": "b64b4e5a9378583fa21e2291a87ced40",
    "settings": {
      "testing": false
    },
    "software": "mriqc",
    "version": "22.0.0rc1",
    "warnings": {
      "large_rot_frame": true,
      "small_air_mask": true
    },
    "webapi_port": null,
    "webapi_url": "https://mriqc.nimh.nih.gov/api/v1"
  },
  "qi_1": 0.0,
  "qi_2": 0.00017622667750672545,
  "rpve_csf": 27.17487875471029,
  "rpve_gm": 13.193917988777946,
  "rpve_wm": 19.615347125878383,
  "size_x": 240,
  "size_y": 240,
  "size_z": 220,
  "snr_csf": 2.3861338868449993,
  "snr_gm": 7.546315753384102,
  "snr_total": 10.08348522521081,
  "snr_wm": 20.31800603540333,
  "snrd_csf": 24.439485861783353,
  "snrd_gm": 45.996196388363614,
  "snrd_total": 48.71057674278678,
  "snrd_wm": 75.69604797821337,
  "spacing_x": 1.0000001192092896,
  "spacing_y": 1.0,
  "spacing_z": 1.0000001192092896,
  "summary_bg_k": 566.9804439437466,
  "summary_bg_mad": 8.65478603149528,
  "summary_bg_mean": 12.936253547668457,
  "summary_bg_median": 11.569883346557617,
  "summary_bg_n": 161529.0,
  "summary_bg_p05": 0.0,
  "summary_bg_p95": 34.7332160949707,
  "summary_bg_stdv": 12.66405200958252,
  "summary_csf_k": 13.071847039897605,
  "summary_csf_mad": 127.92059168372035,
  "summary_csf_mean": 307.41705322265625,
  "summary_csf_median": 322.86181640625,
  "summary_csf_n": 6095.0,
  "summary_csf_p05": 96.93547668457032,
  "summary_csf_p95": 472.8959503173828,
  "summary_csf_stdv": 135.29640197753906,
  "summary_gm_k": 0.41715571903490867,
  "summary_gm_mad": 75.45724984963331,
  "summary_gm_mean": 611.5142211914062,
  "summary_gm_median": 607.6402587890625,
  "summary_gm_n": 23663.0,
  "summary_gm_p05": 486.22699279785155,
  "summary_gm_p95": 752.67802734375,
  "summary_gm_stdv": 80.51974487304688,
  "summary_wm_k": 1.1212614202680458,
  "summary_wm_mad": 44.10108164047724,
  "summary_wm_mean": 996.682373046875,
  "summary_wm_median": 999.9949951171875,
  "summary_wm_n": 215873.0,
  "summary_wm_p05": 910.19990234375,
  "summary_wm_p95": 1070.5460205078125,
  "summary_wm_stdv": 49.21706771850586,
  "tpm_overlap_csf": 0.17278140783309937,
  "tpm_overlap_gm": 0.45466235280036926,
  "tpm_overlap_wm": 0.5108697414398193,
  "wm2max": 0.6760119591235022
}