{
  "bids_meta": {
    "AcquisitionNumber": 4,
    "BidsifyVersion": "0.3.5",
    "ConversionSoftware": "dcm2niix",
    "ConversionSoftwareVersion": "v1.0.20181125  GCC6.3.0",
    "EchoTime": 0.00374,
    "ImageComments": "PIOP",
    "ImageOrientationPatientDICOM": [
      0.999509,
      0.0102685,
      0.0296157,
      -0.00959489,
      0.999694,
      -0.0227982
    ],
    "Manufacturer": "Philips",
    "PatientPosition": "HFS",
    "PhilipsRescaleIntercept": 0,
    "PhilipsRescaleSlope": 9.29231,
    "PhilipsScaleSlope": 0.00679311,
    "ProtocolName": "WIPt13dSENSE",
    "ReconMatrixPE": 240,
    "RepetitionTime": 0.008184,
    "SeriesDescription": "ImageMRSERIES",
    "SeriesNumber": 4,
    "UsePhilipsFloatNotDisplayScaling": 1,
    "dataset": "ds002785",
    "modality": "T1w",
    "subject_id": "0121"
  },
  "cjv": 0.34898147657272366,
  "cnr": 3.578811530835505,
  "efc": 0.7839207649936928,
  "fber": 590.8020629882812,
  "fwhm_avg": 3.6003467420140947,
  "fwhm_x": 3.53411,
  "fwhm_y": 3.792360226042284,
  "fwhm_z": 3.47457,
  "icvs_csf": 0.20952894841102568,
  "icvs_gm": 0.4281415094293649,
  "icvs_wm": 0.3623295421596094,
  "inu_med": 1.038813591003418,
  "inu_range": 0.3601237058639519,
  "provenance": {
    "md5sum": "dac3e6d7510d854331aeebbce848ad98",
    "settings": {
      "testing": false
    },
    "software": "mriqc",
    "version": "22.0.0rc1",
    "warnings": {
      "large_rot_frame": true,
      "small_air_mask": true
    },
    "webapi_port": null,
    "webapi_url": "https://mriqc.nimh.nih.gov/api/v1"
  },
  "qi_1": 0.0,
  "qi_2": 0.00016626792662395804,
  "rpve_csf": 29.489079958346235,
  "rpve_gm": 15.169793509465464,
  "rpve_wm": 22.351579754029878,
  "size_x": 240,
  "size_y": 240,
  "size_z": 220,
  "snr_csf": 2.040193820766384,
  "snr_gm": 7.8512146194073695,
  "snr_total": 9.28423313630847,
  "snr_wm": 17.96129096875166,
  "snrd_csf": 8.589093112529588,
  "snrd_gm": 20.35780633097185,
  "snrd_total": 20.237504565977577,
  "snrd_wm": 31.7656142544313,
  "spacing_x": 1.0,
  "spacing_y": 0.9999999403953552,
  "spacing_z": 1.0,
  "summary_bg_k": 1.619513650514472,
  "summary_bg_mad": 20.624078988683394,
  "summary_bg_mean": 22.09214973449707,
  "summary_bg_median": 21.05715560913086,
  "summary_bg_n": 196202.0,
  "summary_bg_p05": 0.0,
  "summary_bg_p95": 56.77111682891845,
  "summary_bg_stdv": 17.527183532714844,
  "summary_csf_k": -1.0619728682646081,
  "summary_csf_mad": 169.8758522955904,
  "summary_csf_mean": 271.2929992675781,
  "summary_csf_median": 270.38970947265625,
  "summary_csf_n": 6324.0,
  "summary_csf_p05": 79.55021018981934,
  "summary_csf_p95": 481.3008834838865,
  "summary_csf_stdv": 132.52090454101562,
  "summary_gm_k": 0.2733870709901929,
  "summary_gm_mad": 77.33348730071334,
  "summary_gm_mean": 643.691162109375,
  "summary_gm_median": 640.875732421875,
  "summary_gm_n": 17451.0,
  "summary_gm_p05": 513.9931640625,
  "summary_gm_p95": 785.046630859375,
  "summary_gm_stdv": 81.62525177001953,
  "summary_wm_k": 1.24580468515338,
  "summary_wm_mad": 47.994315072354425,
  "summary_wm_mean": 996.2907104492188,
  "summary_wm_median": 1000.000244140625,
  "summary_wm_n": 175560.0,
  "summary_wm_p05": 895.7074340820312,
  "summary_wm_p95": 1080.0815734863281,
  "summary_wm_stdv": 55.675140380859375,
  "tpm_overlap_csf": 0.15373490750789642,
  "tpm_overlap_gm": 0.44087648391723633,
  "tpm_overlap_wm": 0.4857732653617859,
  "wm2max": 0.7203844753723293
}