{
  "bids_meta": {
    "AcquisitionNumber": 4,
    "BidsifyVersion": "0.3.5",
    "ConversionSoftware": "dcm2niix",
    "ConversionSoftwareVersion": "v1.0.20181125  GCC6.3.0",
    "EchoTime": 0.00373,
    "ImageComments": "piop",
    "ImageOrientationPatientDICOM": [
      0.999589,
      0.0268887,
      -0.00990709,
      -0.0268735,
      0.999637,
      0.00166311
    ],
    "Manufacturer": "Philips",
    "PatientPosition": "HFS",
    "PhilipsRescaleIntercept": 0,
    "PhilipsRescaleSlope": 9.0486,
    "PhilipsScaleSlope": 0.00703788,
    "ProtocolName": "WIPt13dSENSE",
    "ReconMatrixPE": 240,
    "RepetitionTime": 0.008156,
    "SeriesDescription": "ImageMRSERIES",
    "SeriesNumber": 4,
    "UsePhilipsFloatNotDisplayScaling": 1,
    "dataset": "ds002785",
    "modality": "T1w",
    "subject_id": "0070"
  },
  "cjv": 0.3376571181992983,
  "cnr": 3.611151577462275,
  "efc": 0.768778522859998,
  "fber": 1607.39501953125,
  "fwhm_avg": 3.581463333333333,
  "fwhm_x": 3.47294,
  "fwhm_y": 3.69795,
  "fwhm_z": 3.5735,
  "icvs_csf": 0.21852251465123504,
  "icvs_gm": 0.41510592898296284,
  "icvs_wm": 0.3663715563658021,
  "inu_med": 1.6529858112335205,
  "inu_range": 0.4641094207763672,
  "provenance": {
    "md5sum": "5ff7b814eb57f01765e9bcdcf68856fe",
    "settings": {
      "testing": false
    },
    "software": "mriqc",
    "version": "22.0.0rc1",
    "warnings": {
      "large_rot_frame": true,
      "small_air_mask": true
    },
    "webapi_port": null,
    "webapi_url": "https://mriqc.nimh.nih.gov/api/v1"
  },
  "qi_1": 0.0,
  "qi_2": 0.0001892411534124951,
  "rpve_csf": 23.855654954263077,
  "rpve_gm": 13.179075824251292,
  "rpve_wm": 19.203563136206263,
  "size_x": 240,
  "size_y": 240,
  "size_z": 220,
  "snr_csf": 3.4477947756558005,
  "snr_gm": 7.2054187055558145,
  "snr_total": 10.358046933632204,
  "snr_wm": 20.420927319684996,
  "snrd_csf": 25.412724252162423,
  "snrd_gm": 44.6653154181535,
  "snrd_total": 46.831331608611265,
  "snrd_wm": 70.41595515551788,
  "spacing_x": 1.0,
  "spacing_y": 1.0,
  "spacing_z": 1.0,
  "summary_bg_k": 53.29618445656223,
  "summary_bg_mad": 9.303707639502843,
  "summary_bg_mean": 11.387442588806152,
  "summary_bg_median": 6.394315719604492,
  "summary_bg_n": 235044.0,
  "summary_bg_p05": 0.0,
  "summary_bg_p95": 31.2807520866394,
  "summary_bg_stdv": 10.39085865020752,
  "summary_csf_k": 6.0840380102235585,
  "summary_csf_mad": 94.0026272827983,
  "summary_csf_mean": 355.9084167480469,
  "summary_csf_median": 360.8905944824219,
  "summary_csf_n": 4903.0,
  "summary_csf_p05": 163.78729095458985,
  "summary_csf_p95": 508.1924194335937,
  "summary_csf_stdv": 104.66220092773438,
  "summary_gm_k": 0.71247804639451,
  "summary_gm_mad": 79.93826665005928,
  "summary_gm_mean": 639.271484375,
  "summary_gm_median": 634.300048828125,
  "summary_gm_n": 18597.0,
  "summary_gm_p05": 504.2331604003906,
  "summary_gm_p95": 795.6434204101563,
  "summary_gm_stdv": 88.02861022949219,
  "summary_wm_k": 1.2043834354479204,
  "summary_wm_mad": 43.53935963905063,
  "summary_wm_mean": 997.5160522460938,
  "summary_wm_median": 999.9894409179688,
  "summary_wm_n": 216258.0,
  "summary_wm_p05": 913.1611022949219,
  "summary_wm_p95": 1072.5347045898438,
  "summary_wm_stdv": 48.96874237060547,
  "tpm_overlap_csf": 0.14680266380310059,
  "tpm_overlap_gm": 0.4335103929042816,
  "tpm_overlap_wm": 0.4856460690498352,
  "wm2max": 0.7185000810160876
}