{
  "bids_meta": {
    "AcquisitionNumber": 4,
    "BidsifyVersion": "0.3.5",
    "ConversionSoftware": "dcm2niix",
    "ConversionSoftwareVersion": "v1.0.20181125  GCC6.3.0",
    "EchoTime": 0.00378,
    "ImageComments": "Piop",
    "ImageOrientationPatientDICOM": [
      0.999869,
      0.0160855,
      0.00202188,
      -0.0157072,
      0.99205,
      -0.124861
    ],
    "Manufacturer": "Philips",
    "PatientPosition": "HFS",
    "PhilipsRescaleIntercept": 0,
    "PhilipsRescaleSlope": 7.69255,
    "PhilipsScaleSlope": 0.00719206,
    "ProtocolName": "WIPt13dSENSE",
    "ReconMatrixPE": 240,
    "RepetitionTime": 0.00823,
    "SeriesDescription": "ImageMRSERIES",
    "SeriesNumber": 4,
    "UsePhilipsFloatNotDisplayScaling": 1,
    "dataset": "ds002785",
    "modality": "T1w",
    "subject_id": "0084"
  },
  "cjv": 0.34095363950801727,
  "cnr": 3.6752527133607513,
  "efc": 0.7497441177667076,
  "fber": 574.5457153320312,
  "fwhm_avg": 3.578619714055493,
  "fwhm_x": 3.53983,
  "fwhm_y": 3.7931295478237215,
  "fwhm_z": 3.402899594342757,
  "icvs_csf": 0.2156717515743957,
  "icvs_gm": 0.3969829611459636,
  "icvs_wm": 0.3873452872796407,
  "inu_med": 1.6991443634033203,
  "inu_range": 0.31133490800857544,
  "provenance": {
    "md5sum": "70494e8051bcd0f136b1996e0a391976",
    "settings": {
      "testing": false
    },
    "software": "mriqc",
    "version": "22.0.0rc1",
    "warnings": {
      "large_rot_frame": true,
      "small_air_mask": true
    },
    "webapi_port": null,
    "webapi_url": "https://mriqc.nimh.nih.gov/api/v1"
  },
  "qi_1": 0.0,
  "qi_2": 8.617356896297332e-05,
  "rpve_csf": 25.857067244422385,
  "rpve_gm": 14.308230033428028,
  "rpve_wm": 19.59354220853421,
  "size_x": 240,
  "size_y": 240,
  "size_z": 220,
  "snr_csf": 2.7379836518591327,
  "snr_gm": 7.502683382849197,
  "snr_total": 10.482368346666618,
  "snr_wm": 21.206438005291528,
  "snrd_csf": 26.353985075753652,
  "snrd_gm": 53.0173841853336,
  "snrd_total": 54.113620142685136,
  "snrd_wm": 82.96949116696817,
  "spacing_x": 1.0,
  "spacing_y": 1.0000001192092896,
  "spacing_z": 1.0000001192092896,
  "summary_bg_k": 454.20215007805234,
  "summary_bg_mad": 7.895847688438121,
  "summary_bg_mean": 11.14514446258545,
  "summary_bg_median": 10.519672393798828,
  "summary_bg_n": 166176.0,
  "summary_bg_p05": 0.0,
  "summary_bg_p95": 32.056796073913574,
  "summary_bg_stdv": 13.08158016204834,
  "summary_csf_k": 5.300018581159415,
  "summary_csf_mad": 102.77030914324523,
  "summary_csf_mean": 297.70587158203125,
  "summary_csf_median": 317.6240234375,
  "summary_csf_n": 6187.0,
  "summary_csf_p05": 105.50788192749023,
  "summary_csf_p95": 456.0007171630859,
  "summary_csf_stdv": 115.9971694946289,
  "summary_gm_k": 0.2946900674853534,
  "summary_gm_mad": 80.25783511530906,
  "summary_gm_mean": 643.1349487304688,
  "summary_gm_median": 638.9771728515625,
  "summary_gm_n": 16200.0,
  "summary_gm_p05": 508.0726577758789,
  "summary_gm_p95": 792.3356781005859,
  "summary_gm_stdv": 85.16385650634766,
  "summary_wm_k": 0.8126958399210786,
  "summary_wm_mad": 42.82280777947809,
  "summary_wm_mean": 998.4873657226562,
  "summary_wm_median": 999.966552734375,
  "summary_wm_n": 232207.0,
  "summary_wm_p05": 918.0640869140625,
  "summary_wm_p95": 1072.9208984375,
  "summary_wm_stdv": 47.153812408447266,
  "tpm_overlap_csf": 0.1712508201599121,
  "tpm_overlap_gm": 0.4335674047470093,
  "tpm_overlap_wm": 0.5190473794937134,
  "wm2max": 0.6687192006091555
}