{
  "aor": 0.0032053000000000003,
  "aqi": 0.00835650735,
  "bids_meta": {
    "AcquisitionNumber": 10,
    "BidsifyVersion": "0.3.5",
    "ConversionSoftware": "dcm2niix",
    "ConversionSoftwareVersion": "v1.0.20181125  GCC6.3.0",
    "EchoTime": 0.02762,
    "EffectiveEchoSpacing": 0.0006621159151938905,
    "ImageComments": "piop",
    "ImageOrientationPatientDICOM": [
      0.991702,
      0.122262,
      -0.0397488,
      -0.126512,
      0.873098,
      -0.470844
    ],
    "Manufacturer": "Philips",
    "NumberOfVolumesDiscardedByScanner": 2,
    "ParallelAcquisitionTechnique": "SENSE",
    "ParallelReductionFactorInPlane": 2,
    "PatientPosition": "HFS",
    "PhaseEncodingDirection": "j",
    "PhilipsRescaleIntercept": 0,
    "PhilipsRescaleSlope": 0.82076,
    "PhilipsScaleSlope": 0.0619659,
    "ProtocolName": "WIPpiopanticipatieSENSE",
    "PulseSequenceType": "gradient echo EPI",
    "ReconMatrixPE": 80,
    "RepetitionTime": 2,
    "SeriesDescription": "ImageMRSERIES",
    "SeriesNumber": 10,
    "SliceEncodingDirection": "k",
    "SliceTiming": [
      0.0,
      0.0541,
      0.1081,
      0.1622,
      0.2162,
      0.2703,
      0.3243,
      0.3784,
      0.4324,
      0.4865,
      0.5405,
      0.5946,
      0.6486,
      0.7027,
      0.7568,
      0.8108,
      0.8649,
      0.9189,
      0.973,
      1.027,
      1.0811,
      1.1351,
      1.1892,
      1.2432,
      1.2973,
      1.3514,
      1.4054,
      1.4595,
      1.5135,
      1.5676,
      1.6216,
      1.6757,
      1.7297,
      1.7838,
      1.8378,
      1.8919,
      1.9459
    ],
    "TaskName": "anticipation",
    "TotalReadoutTime": 0.025822520692561732,
    "UsePhilipsFloatNotDisplayScaling": 1,
    "acq_id": "seq",
    "dataset": "ds002785",
    "modality": "bold",
    "subject_id": "0077",
    "task_id": "anticipation"
  },
  "dummy_trs": 0,
  "dvars_nstd": 24.712249123216086,
  "dvars_std": 1.133628329396985,
  "dvars_vstd": 0.9793439177386934,
  "efc": 0.4420293010943175,
  "fber": 120876.1171875,
  "fd_mean": 0.22346650318531786,
  "fd_num": 75,
  "fd_perc": 37.5,
  "fwhm_avg": 1.866375665292083,
  "fwhm_x": 1.8448200000000001,
  "fwhm_y": 1.9425433333333333,
  "fwhm_z": 1.811763662542916,
  "gcor": 0.0287047,
  "gsr_x": -0.030377503484487534,
  "gsr_y": 0.016764726489782333,
  "provenance": {
    "md5sum": "4a543a1f9dccf42d3f14b0027f9411e6",
    "settings": {
      "fd_thres": 0.2,
      "testing": false
    },
    "software": "mriqc",
    "version": "22.0.0rc1",
    "webapi_port": null,
    "webapi_url": "https://mriqc.nimh.nih.gov/api/v1"
  },
  "size_t": 200,
  "size_x": 80,
  "size_y": 80,
  "size_z": 37,
  "snr": 4.874683854617166,
  "spacing_tr": 2.0,
  "spacing_x": 3.0,
  "spacing_y": 3.0,
  "spacing_z": 3.299999952316284,
  "summary_bg_k": 20.97243459763422,
  "summary_bg_mad": 72.07402713555865,
  "summary_bg_mean": 916.1873779296875,
  "summary_bg_median": 66.90013122558594,
  "summary_bg_n": 161066.0,
  "summary_bg_p05": 7.056801795959473,
  "summary_bg_p95": 6110.2296142578125,
  "summary_bg_stdv": 2324.837158203125,
  "summary_fg_k": 1.638131374565483,
  "summary_fg_mad": 4412.455858869313,
  "summary_fg_mean": 24277.078125,
  "summary_fg_median": 23631.478515625,
  "summary_fg_n": 35065.0,
  "summary_fg_p05": 17749.277734375,
  "summary_fg_p95": 33157.89062499998,
  "summary_fg_stdv": 4847.72802734375,
  "tsnr": 54.239501953125
}