{
  "aor": 0.0004139183673469388,
  "aqi": 0.004982568857142856,
  "bids_meta": {
    "AcquisitionNumber": 3,
    "BidsifyVersion": "0.3.5",
    "ConversionSoftware": "dcm2niix",
    "ConversionSoftwareVersion": "v1.0.20181125  GCC6.3.0",
    "EchoTime": 0.02762,
    "EffectiveEchoSpacing": 0.0006621159151938905,
    "ImageComments": "piop",
    "ImageOrientationPatientDICOM": [
      0.999169,
      0.0377052,
      0.0154966,
      -0.0251171,
      0.868822,
      -0.494487
    ],
    "Manufacturer": "Philips",
    "NumberOfVolumesDiscardedByScanner": 2,
    "ParallelAcquisitionTechnique": "SENSE",
    "ParallelReductionFactorInPlane": 2,
    "PatientPosition": "HFS",
    "PhaseEncodingDirection": "j",
    "PhilipsRescaleIntercept": 0,
    "PhilipsRescaleSlope": 0.84469,
    "PhilipsScaleSlope": 0.0583654,
    "ProtocolName": "WIPpiopgstroopSENSE",
    "PulseSequenceType": "gradient echo EPI",
    "ReconMatrixPE": 80,
    "RepetitionTime": 2,
    "SeriesDescription": "ImageMRSERIES",
    "SeriesNumber": 3,
    "SliceEncodingDirection": "k",
    "SliceTiming": [
      0.0,
      0.0541,
      0.1081,
      0.1622,
      0.2162,
      0.2703,
      0.3243,
      0.3784,
      0.4324,
      0.4865,
      0.5405,
      0.5946,
      0.6486,
      0.7027,
      0.7568,
      0.8108,
      0.8649,
      0.9189,
      0.973,
      1.027,
      1.0811,
      1.1351,
      1.1892,
      1.2432,
      1.2973,
      1.3514,
      1.4054,
      1.4595,
      1.5135,
      1.5676,
      1.6216,
      1.6757,
      1.7297,
      1.7838,
      1.8378,
      1.8919,
      1.9459
    ],
    "TaskName": "gstroop",
    "TotalReadoutTime": 0.025822520692561732,
    "UsePhilipsFloatNotDisplayScaling": 1,
    "acq_id": "seq",
    "dataset": "ds002785",
    "modality": "bold",
    "subject_id": "0139",
    "task_id": "gstroop"
  },
  "dummy_trs": 0,
  "dvars_nstd": 19.060298067540984,
  "dvars_std": 1.1687625255327858,
  "dvars_vstd": 0.9679983617622953,
  "efc": 0.42036252922799977,
  "fber": 171123.59375,
  "fd_mean": 0.09028976800427432,
  "fd_num": 1,
  "fd_perc": 0.40816326530612246,
  "fwhm_avg": 1.6476538461627939,
  "fwhm_x": 1.6066900000000002,
  "fwhm_y": 1.72122,
  "fwhm_z": 1.6150515384883815,
  "gcor": 0.00839289,
  "gsr_x": -0.0174857284873724,
  "gsr_y": 0.006903225090354681,
  "provenance": {
    "md5sum": "1bf10bc7db4cf984775e978e2bcee25d",
    "settings": {
      "fd_thres": 0.2,
      "testing": false
    },
    "software": "mriqc",
    "version": "22.0.0rc1",
    "webapi_port": null,
    "webapi_url": "https://mriqc.nimh.nih.gov/api/v1"
  },
  "size_t": 245,
  "size_x": 80,
  "size_y": 80,
  "size_z": 37,
  "snr": 6.120711746973999,
  "spacing_tr": 2.0,
  "spacing_x": 3.0,
  "spacing_y": 3.0,
  "spacing_z": 3.299999952316284,
  "summary_bg_k": 62.77822008990094,
  "summary_bg_mad": 61.6144843612549,
  "summary_bg_mean": 599.1085205078125,
  "summary_bg_median": 57.02201461791992,
  "summary_bg_n": 161741.0,
  "summary_bg_p05": 3.4588301181793213,
  "summary_bg_p95": 3141.991943359375,
  "summary_bg_stdv": 1858.8990478515625,
  "summary_fg_k": 2.358658431034163,
  "summary_fg_mad": 3528.034408503935,
  "summary_fg_mean": 24496.265625,
  "summary_fg_median": 24115.99609375,
  "summary_fg_n": 33594.0,
  "summary_fg_p05": 19025.831640625,
  "summary_fg_p95": 30977.070703124995,
  "summary_fg_stdv": 3940.00537109375,
  "tsnr": 83.60626220703125
}