{
  "aor": 0.0009049,
  "aqi": 0.00395572435,
  "bids_meta": {
    "AcquisitionNumber": 9,
    "BidsifyVersion": "0.3.5",
    "ConversionSoftware": "dcm2niix",
    "ConversionSoftwareVersion": "v1.0.20181125  GCC6.3.0",
    "EchoTime": 0.02762,
    "EffectiveEchoSpacing": 0.0006621159151938905,
    "ImageComments": "piop",
    "ImageOrientationPatientDICOM": [
      0.999169,
      0.0377052,
      0.0154966,
      -0.0251171,
      0.868822,
      -0.494487
    ],
    "Manufacturer": "Philips",
    "NumberOfVolumesDiscardedByScanner": 2,
    "ParallelAcquisitionTechnique": "SENSE",
    "ParallelReductionFactorInPlane": 2,
    "PatientPosition": "HFS",
    "PhaseEncodingDirection": "j",
    "PhilipsRescaleIntercept": 0,
    "PhilipsRescaleSlope": 0.87741,
    "PhilipsScaleSlope": 0.059115,
    "ProtocolName": "WIPpiopanticipatieSENSE",
    "PulseSequenceType": "gradient echo EPI",
    "ReconMatrixPE": 80,
    "RepetitionTime": 2,
    "SeriesDescription": "ImageMRSERIES",
    "SeriesNumber": 9,
    "SliceEncodingDirection": "k",
    "SliceTiming": [
      0.0,
      0.0541,
      0.1081,
      0.1622,
      0.2162,
      0.2703,
      0.3243,
      0.3784,
      0.4324,
      0.4865,
      0.5405,
      0.5946,
      0.6486,
      0.7027,
      0.7568,
      0.8108,
      0.8649,
      0.9189,
      0.973,
      1.027,
      1.0811,
      1.1351,
      1.1892,
      1.2432,
      1.2973,
      1.3514,
      1.4054,
      1.4595,
      1.5135,
      1.5676,
      1.6216,
      1.6757,
      1.7297,
      1.7838,
      1.8378,
      1.8919,
      1.9459
    ],
    "TaskName": "anticipation",
    "TotalReadoutTime": 0.025822520692561732,
    "UsePhilipsFloatNotDisplayScaling": 1,
    "acq_id": "seq",
    "dataset": "ds002785",
    "modality": "bold",
    "subject_id": "0139",
    "task_id": "anticipation"
  },
  "dummy_trs": 0,
  "dvars_nstd": 21.220125323015075,
  "dvars_std": 1.2827228827135686,
  "dvars_vstd": 0.9993455977386937,
  "efc": 0.4210997852220513,
  "fber": 180093.84375,
  "fd_mean": 0.1069064187718563,
  "fd_num": 10,
  "fd_perc": 5.0,
  "fwhm_avg": 1.6622728361263104,
  "fwhm_x": 1.6268466666666666,
  "fwhm_y": 1.7315233333333333,
  "fwhm_z": 1.628448508378932,
  "gcor": 0.0166357,
  "gsr_x": -0.017288383096456528,
  "gsr_y": 0.007247402798384428,
  "provenance": {
    "md5sum": "3b221019ef6bb2b155a67aeb63a6747a",
    "settings": {
      "fd_thres": 0.2,
      "testing": false
    },
    "software": "mriqc",
    "version": "22.0.0rc1",
    "webapi_port": null,
    "webapi_url": "https://mriqc.nimh.nih.gov/api/v1"
  },
  "size_t": 200,
  "size_x": 80,
  "size_y": 80,
  "size_z": 37,
  "snr": 6.023003270708498,
  "spacing_tr": 2.0,
  "spacing_x": 3.0,
  "spacing_y": 3.0,
  "spacing_z": 3.299999952316284,
  "summary_bg_k": 56.87578039737708,
  "summary_bg_mad": 59.28572899347487,
  "summary_bg_mean": 612.35888671875,
  "summary_bg_median": 55.689334869384766,
  "summary_bg_n": 161599.0,
  "summary_bg_p05": 3.519091701507569,
  "summary_bg_p95": 3299.9430419921887,
  "summary_bg_stdv": 1882.2301025390625,
  "summary_fg_k": 1.8518694774168667,
  "summary_fg_mad": 3675.8515871134186,
  "summary_fg_mean": 24488.8828125,
  "summary_fg_median": 24136.380859375,
  "summary_fg_n": 33674.0,
  "summary_fg_p05": 18820.13837890625,
  "summary_fg_p95": 31164.5037109375,
  "summary_fg_stdv": 4007.306884765625,
  "tsnr": 88.60237121582031
}