{
  "aor": 0.000259643605870021,
  "aqi": 0.011540724465408804,
  "bids_meta": {
    "AcquisitionNumber": 6,
    "BidsifyVersion": "0.3.5",
    "ConversionSoftware": "dcm2niix",
    "ConversionSoftwareVersion": "v1.0.20181125  GCC6.3.0",
    "EchoTime": 0.02762,
    "EffectiveEchoSpacing": 0.0006333282667071997,
    "ImageComments": "piop",
    "ImageOrientationPatientDICOM": [
      0.999169,
      0.0377052,
      0.0154966,
      -0.0251171,
      0.868822,
      -0.494487
    ],
    "Manufacturer": "Philips",
    "NumberOfVolumesDiscardedByScanner": 2,
    "ParallelAcquisitionTechnique": "SENSE",
    "ParallelReductionFactorInPlane": 2,
    "PatientPosition": "HFS",
    "PhaseEncodingDirection": "j",
    "PhilipsRescaleIntercept": 0,
    "PhilipsRescaleSlope": 0.86227,
    "PhilipsScaleSlope": 0.0871483,
    "ProtocolName": "WIPpioprsSENSE",
    "PulseSequenceType": "gradient echo EPI",
    "ReconMatrixPE": 80,
    "RepetitionTime": 0.75,
    "SeriesDescription": "ImageMRSERIES",
    "SeriesNumber": 6,
    "SliceEncodingDirection": "k",
    "SliceTiming": [
      0.0,
      0.06755050505050506,
      0.1351010101010101,
      0.20265151515151517,
      0.2702020202020202,
      0.3377525252525253,
      0.40530303030303033,
      0.47285353535353536,
      0.5404040404040404,
      0.6079545454545455,
      0.6755050505050506,
      0.7430555555555556,
      0.0,
      0.06755050505050506,
      0.1351010101010101,
      0.20265151515151517,
      0.2702020202020202,
      0.3377525252525253,
      0.40530303030303033,
      0.47285353535353536,
      0.5404040404040404,
      0.6079545454545455,
      0.6755050505050506,
      0.7430555555555556,
      0.0,
      0.06755050505050506,
      0.1351010101010101,
      0.20265151515151517,
      0.2702020202020202,
      0.3377525252525253,
      0.40530303030303033,
      0.47285353535353536,
      0.5404040404040404,
      0.6079545454545455,
      0.6755050505050506,
      0.7430555555555556
    ],
    "TaskName": "restingstate",
    "TotalReadoutTime": 0.024699802401580786,
    "UsePhilipsFloatNotDisplayScaling": 1,
    "acq_id": "mb3",
    "dataset": "ds002785",
    "modality": "bold",
    "subject_id": "0139",
    "task_id": "restingstate"
  },
  "dummy_trs": 3,
  "dvars_nstd": 29.012492252121866,
  "dvars_std": 1.202021958109243,
  "dvars_vstd": 0.991819586680672,
  "efc": 0.42716990201443145,
  "fber": 144529.375,
  "fd_mean": 0.08204382068781457,
  "fd_num": 2,
  "fd_perc": 0.4192872117400419,
  "fwhm_avg": 1.6101000075382015,
  "fwhm_x": 1.5780733333333332,
  "fwhm_y": 1.6871600000000002,
  "fwhm_z": 1.5650666892812712,
  "gcor": 0.00448993,
  "gsr_x": -0.018099170178174973,
  "gsr_y": 0.006876368075609207,
  "provenance": {
    "md5sum": "5d089de55baf5ee71a9392ca20c720e0",
    "settings": {
      "fd_thres": 0.2,
      "testing": false
    },
    "software": "mriqc",
    "version": "22.0.0rc1",
    "webapi_port": null,
    "webapi_url": "https://mriqc.nimh.nih.gov/api/v1"
  },
  "size_t": 477,
  "size_x": 80,
  "size_y": 80,
  "size_z": 36,
  "snr": 7.601763643492665,
  "spacing_tr": 0.75,
  "spacing_x": 3.0,
  "spacing_y": 3.0,
  "spacing_z": 3.299999952316284,
  "summary_bg_k": 44.508529688446046,
  "summary_bg_mad": 50.52133449623102,
  "summary_bg_mean": 440.11810302734375,
  "summary_bg_median": 44.92654800415039,
  "summary_bg_n": 156471.0,
  "summary_bg_p05": 2.723469376564026,
  "summary_bg_p95": 2307.905517578125,
  "summary_bg_stdv": 1277.6451416015625,
  "summary_fg_k": 2.821376589241405,
  "summary_fg_mad": 2051.67026778977,
  "summary_fg_mean": 17464.470703125,
  "summary_fg_median": 17436.55078125,
  "summary_fg_n": 33100.0,
  "summary_fg_p05": 13965.262646484374,
  "summary_fg_p95": 21115.38837890625,
  "summary_fg_stdv": 2293.716064453125,
  "tsnr": 55.158599853515625
}