{
  "aor": 0.0014354074074074074,
  "aqi": 0.0029004177037037036,
  "bids_meta": {
    "AcquisitionNumber": 5,
    "BidsifyVersion": "0.3.5",
    "ConversionSoftware": "dcm2niix",
    "ConversionSoftwareVersion": "v1.0.20181125  GCC6.3.0",
    "EchoTime": 0.02762,
    "EffectiveEchoSpacing": 0.0006621159151938905,
    "ImageComments": "piop",
    "ImageOrientationPatientDICOM": [
      0.999169,
      0.0377052,
      0.0154966,
      -0.0251171,
      0.868822,
      -0.494487
    ],
    "Manufacturer": "Philips",
    "NumberOfVolumesDiscardedByScanner": 2,
    "ParallelAcquisitionTechnique": "SENSE",
    "ParallelReductionFactorInPlane": 2,
    "PatientPosition": "HFS",
    "PhaseEncodingDirection": "j",
    "PhilipsRescaleIntercept": 0,
    "PhilipsRescaleSlope": 0.85836,
    "PhilipsScaleSlope": 0.0586639,
    "ProtocolName": "WIPpiopharririSENSE",
    "PulseSequenceType": "gradient echo EPI",
    "ReconMatrixPE": 80,
    "RepetitionTime": 2,
    "SeriesDescription": "ImageMRSERIES",
    "SeriesNumber": 5,
    "SliceEncodingDirection": "k",
    "SliceTiming": [
      0.0,
      0.0541,
      0.1081,
      0.1622,
      0.2162,
      0.2703,
      0.3243,
      0.3784,
      0.4324,
      0.4865,
      0.5405,
      0.5946,
      0.6486,
      0.7027,
      0.7568,
      0.8108,
      0.8649,
      0.9189,
      0.973,
      1.027,
      1.0811,
      1.1351,
      1.1892,
      1.2432,
      1.2973,
      1.3514,
      1.4054,
      1.4595,
      1.5135,
      1.5676,
      1.6216,
      1.6757,
      1.7297,
      1.7838,
      1.8378,
      1.8919,
      1.9459
    ],
    "TaskName": "emomatching",
    "TotalReadoutTime": 0.025822520692561732,
    "UsePhilipsFloatNotDisplayScaling": 1,
    "acq_id": "seq",
    "dataset": "ds002785",
    "modality": "bold",
    "subject_id": "0139",
    "task_id": "emomatching"
  },
  "dummy_trs": 0,
  "dvars_nstd": 21.62600141499999,
  "dvars_std": 1.3396189000000003,
  "dvars_vstd": 1.0151952886567162,
  "efc": 0.41972703361586017,
  "fber": 183140.0625,
  "fd_mean": 0.0908520976430253,
  "fd_num": 3,
  "fd_perc": 2.2222222222222223,
  "fwhm_avg": 1.6725230382033187,
  "fwhm_x": 1.6350733333333334,
  "fwhm_y": 1.7422533333333332,
  "fwhm_z": 1.6402424479432893,
  "gcor": 0.0131482,
  "gsr_x": -0.017119092866778374,
  "gsr_y": 0.007408846169710159,
  "provenance": {
    "md5sum": "b8b75e429f380d2bc0faa11131198309",
    "settings": {
      "fd_thres": 0.2,
      "testing": false
    },
    "software": "mriqc",
    "version": "22.0.0rc1",
    "webapi_port": null,
    "webapi_url": "https://mriqc.nimh.nih.gov/api/v1"
  },
  "size_t": 135,
  "size_x": 80,
  "size_y": 80,
  "size_z": 37,
  "snr": 5.952874098589966,
  "spacing_tr": 2.0,
  "spacing_x": 3.0,
  "spacing_y": 3.0,
  "spacing_z": 3.299999952316284,
  "summary_bg_k": 60.38959105539332,
  "summary_bg_mad": 58.36776074392995,
  "summary_bg_mean": 588.4562377929688,
  "summary_bg_median": 55.28633499145508,
  "summary_bg_n": 161542.0,
  "summary_bg_p05": 3.1704073905944825,
  "summary_bg_p95": 3132.5992309570274,
  "summary_bg_stdv": 1817.9407958984375,
  "summary_fg_k": 1.790071814090708,
  "summary_fg_mad": 3746.79352412742,
  "summary_fg_mean": 24530.951171875,
  "summary_fg_median": 24183.189453125,
  "summary_fg_n": 33655.0,
  "summary_fg_p05": 18765.287109375,
  "summary_fg_p95": 31298.216015624996,
  "summary_fg_stdv": 4062.37890625,
  "tsnr": 100.3531494140625
}