{
  "aor": 0.0006855555555555555,
  "aqi": 0.003172396666666666,
  "bids_meta": {
    "AcquisitionNumber": 8,
    "BidsifyVersion": "0.3.5",
    "ConversionSoftware": "dcm2niix",
    "ConversionSoftwareVersion": "v1.0.20181125  GCC6.3.0",
    "EchoTime": 0.02762,
    "EffectiveEchoSpacing": 0.0006621159151938905,
    "ImageComments": "piop",
    "ImageOrientationPatientDICOM": [
      0.999169,
      0.0377052,
      0.0154966,
      -0.0251171,
      0.868822,
      -0.494487
    ],
    "Manufacturer": "Philips",
    "NumberOfVolumesDiscardedByScanner": 2,
    "ParallelAcquisitionTechnique": "SENSE",
    "ParallelReductionFactorInPlane": 2,
    "PatientPosition": "HFS",
    "PhaseEncodingDirection": "j",
    "PhilipsRescaleIntercept": 0,
    "PhilipsRescaleSlope": 0.88889,
    "PhilipsScaleSlope": 0.0587393,
    "ProtocolName": "WIPpiopwmSENSE",
    "PulseSequenceType": "gradient echo EPI",
    "ReconMatrixPE": 80,
    "RepetitionTime": 2,
    "SeriesDescription": "ImageMRSERIES",
    "SeriesNumber": 8,
    "SliceEncodingDirection": "k",
    "SliceTiming": [
      0.0,
      0.0541,
      0.1081,
      0.1622,
      0.2162,
      0.2703,
      0.3243,
      0.3784,
      0.4324,
      0.4865,
      0.5405,
      0.5946,
      0.6486,
      0.7027,
      0.7568,
      0.8108,
      0.8649,
      0.9189,
      0.973,
      1.027,
      1.0811,
      1.1351,
      1.1892,
      1.2432,
      1.2973,
      1.3514,
      1.4054,
      1.4595,
      1.5135,
      1.5676,
      1.6216,
      1.6757,
      1.7297,
      1.7838,
      1.8378,
      1.8919,
      1.9459
    ],
    "TaskName": "workingmemory",
    "TotalReadoutTime": 0.025822520692561732,
    "UsePhilipsFloatNotDisplayScaling": 1,
    "acq_id": "seq",
    "dataset": "ds002785",
    "modality": "bold",
    "subject_id": "0139",
    "task_id": "workingmemory"
  },
  "dummy_trs": 0,
  "dvars_nstd": 18.655360458944102,
  "dvars_std": 1.2230892339751556,
  "dvars_vstd": 1.0113324411801243,
  "efc": 0.42137263277992687,
  "fber": 180652.796875,
  "fd_mean": 0.07432107885449116,
  "fd_num": 0,
  "fd_perc": 0.0,
  "fwhm_avg": 1.6546599068321992,
  "fwhm_x": 1.6164233333333333,
  "fwhm_y": 1.7193533333333333,
  "fwhm_z": 1.6282030538299308,
  "gcor": 0.0160515,
  "gsr_x": -0.017148399725556374,
  "gsr_y": 0.007413651794195175,
  "provenance": {
    "md5sum": "b1500d22c4d813d3cbb62fe618c6d9ec",
    "settings": {
      "fd_thres": 0.2,
      "testing": false
    },
    "software": "mriqc",
    "version": "22.0.0rc1",
    "webapi_port": null,
    "webapi_url": "https://mriqc.nimh.nih.gov/api/v1"
  },
  "size_t": 162,
  "size_x": 80,
  "size_y": 80,
  "size_z": 37,
  "snr": 6.068452274281142,
  "spacing_tr": 2.0,
  "spacing_x": 3.0,
  "spacing_y": 3.0,
  "spacing_z": 3.299999952316284,
  "summary_bg_k": 55.8287842108308,
  "summary_bg_mad": 58.80595636146199,
  "summary_bg_mean": 614.6023559570312,
  "summary_bg_median": 55.820186614990234,
  "summary_bg_n": 161513.0,
  "summary_bg_p05": 3.491239643096924,
  "summary_bg_p95": 3299.028124999997,
  "summary_bg_stdv": 1887.94873046875,
  "summary_fg_k": 2.0165807339300335,
  "summary_fg_mad": 3661.2963135756872,
  "summary_fg_mean": 24591.798828125,
  "summary_fg_median": 24239.37109375,
  "summary_fg_n": 33732.0,
  "summary_fg_p05": 18961.0447265625,
  "summary_fg_p95": 31183.063378906245,
  "summary_fg_stdv": 3994.265869140625,
  "tsnr": 98.29916381835938
}