{
  "bids_meta": {
    "AcquisitionNumber": 4,
    "BidsifyVersion": "0.3.5",
    "ConversionSoftware": "dcm2niix",
    "ConversionSoftwareVersion": "v1.0.20181125  GCC6.3.0",
    "EchoTime": 0.00373,
    "ImageComments": "Piop",
    "ImageOrientationPatientDICOM": [
      0.999802,
      -0.0198951,
      -0.00105393,
      0.0198954,
      0.999802,
      0.000328162
    ],
    "Manufacturer": "Philips",
    "PatientPosition": "HFS",
    "PhilipsRescaleIntercept": 0,
    "PhilipsRescaleSlope": 8.45348,
    "PhilipsScaleSlope": 0.00757917,
    "ProtocolName": "WIPt13dSENSE",
    "ReconMatrixPE": 240,
    "RepetitionTime": 0.008142,
    "SeriesDescription": "ImageMRSERIES",
    "SeriesNumber": 4,
    "UsePhilipsFloatNotDisplayScaling": 1,
    "dataset": "ds002785",
    "modality": "T1w",
    "subject_id": "0155"
  },
  "cjv": 0.3370775122399625,
  "cnr": 3.7236197471524513,
  "efc": 0.7436327286935936,
  "fber": 452.26519775390625,
  "fwhm_avg": 3.50222,
  "fwhm_x": 3.48435,
  "fwhm_y": 3.70702,
  "fwhm_z": 3.31529,
  "icvs_csf": 0.21085613135909867,
  "icvs_gm": 0.4295825749234679,
  "icvs_wm": 0.3595612937174334,
  "inu_med": 1.8521443605422974,
  "inu_range": 0.3265431642532346,
  "provenance": {
    "md5sum": "ce03f9e9c2eec86d6d63aad09f976f68",
    "settings": {
      "testing": false
    },
    "software": "mriqc",
    "version": "22.0.0rc1",
    "warnings": {
      "large_rot_frame": true,
      "small_air_mask": true
    },
    "webapi_port": null,
    "webapi_url": "https://mriqc.nimh.nih.gov/api/v1"
  },
  "qi_1": 0.0,
  "qi_2": 2.4513523792599843e-05,
  "rpve_csf": 32.486068495273514,
  "rpve_gm": 16.946576996594054,
  "rpve_wm": 25.717907778641006,
  "size_x": 240,
  "size_y": 240,
  "size_z": 220,
  "snr_csf": 2.597420690401594,
  "snr_gm": 6.697522270844306,
  "snr_total": 9.503033594266808,
  "snr_wm": 19.214157821554522,
  "snrd_csf": 24.987621636096375,
  "snrd_gm": 49.668153412092884,
  "snrd_total": 52.15524971632825,
  "snrd_wm": 81.80997410079549,
  "spacing_x": 1.0,
  "spacing_y": 1.0,
  "spacing_z": 1.0,
  "summary_bg_k": 233.67240602129058,
  "summary_bg_mad": 8.007820934813417,
  "summary_bg_mean": 12.681678771972656,
  "summary_bg_median": 10.740497589111328,
  "summary_bg_n": 164882.0,
  "summary_bg_p05": 0.0,
  "summary_bg_p95": 32.40542488098144,
  "summary_bg_stdv": 14.402695655822754,
  "summary_csf_k": -0.6306280584356379,
  "summary_csf_mad": 114.04696315706379,
  "summary_csf_mean": 275.6889953613281,
  "summary_csf_median": 305.4270935058594,
  "summary_csf_n": 5361.0,
  "summary_csf_p05": 73.46824645996094,
  "summary_csf_p95": 436.20562744140625,
  "summary_csf_stdv": 117.57764434814453,
  "summary_gm_k": 0.2387916536949395,
  "summary_gm_mad": 85.47802648982334,
  "summary_gm_mean": 612.0529174804688,
  "summary_gm_median": 607.1005859375,
  "summary_gm_n": 15993.0,
  "summary_gm_p05": 469.42371826171876,
  "summary_gm_p95": 771.8414428710937,
  "summary_gm_stdv": 90.64271545410156,
  "summary_wm_k": 0.8758523007212058,
  "summary_wm_mad": 46.95091023345801,
  "summary_wm_mean": 997.3550415039062,
  "summary_wm_median": 999.9744262695312,
  "summary_wm_n": 154829.0,
  "summary_wm_p05": 906.2469604492187,
  "summary_wm_p95": 1077.0087890625,
  "summary_wm_stdv": 52.04345703125,
  "tpm_overlap_csf": 0.16576579213142395,
  "tpm_overlap_gm": 0.4379454553127289,
  "tpm_overlap_wm": 0.5063537359237671,
  "wm2max": 0.6995842021835156
}