{
  "aor": 0.0015060909090909092,
  "aqi": 0.007834575151515151,
  "bids_meta": {
    "AcquisitionNumber": 2,
    "BidsifyVersion": "0.3.5",
    "ConversionSoftware": "dcm2niix",
    "ConversionSoftwareVersion": "v1.0.20181125  GCC6.3.0",
    "EchoTime": 0.02762,
    "EffectiveEchoSpacing": 0.0006333282667071997,
    "ImageComments": "PIOP",
    "ImageOrientationPatientDICOM": [
      0.999103,
      0.042048,
      -0.00499472,
      -0.0418748,
      0.963642,
      -0.263895
    ],
    "Manufacturer": "Philips",
    "NumberOfVolumesDiscardedByScanner": 2,
    "ParallelAcquisitionTechnique": "SENSE",
    "ParallelReductionFactorInPlane": 2,
    "PatientPosition": "HFS",
    "PhaseEncodingDirection": "j",
    "PhilipsRescaleIntercept": 0,
    "PhilipsRescaleSlope": 0.85153,
    "PhilipsScaleSlope": 0.0871458,
    "ProtocolName": "WIPpiopfacesSENSE",
    "PulseSequenceType": "gradient echo EPI",
    "ReconMatrixPE": 80,
    "RepetitionTime": 0.75,
    "SeriesDescription": "ImageMRSERIES",
    "SeriesNumber": 2,
    "SliceEncodingDirection": "k",
    "SliceTiming": [
      0.0,
      0.06755050505050506,
      0.1351010101010101,
      0.20265151515151517,
      0.2702020202020202,
      0.3377525252525253,
      0.40530303030303033,
      0.47285353535353536,
      0.5404040404040404,
      0.6079545454545455,
      0.6755050505050506,
      0.7430555555555556,
      0.0,
      0.06755050505050506,
      0.1351010101010101,
      0.20265151515151517,
      0.2702020202020202,
      0.3377525252525253,
      0.40530303030303033,
      0.47285353535353536,
      0.5404040404040404,
      0.6079545454545455,
      0.6755050505050506,
      0.7430555555555556,
      0.0,
      0.06755050505050506,
      0.1351010101010101,
      0.20265151515151517,
      0.2702020202020202,
      0.3377525252525253,
      0.40530303030303033,
      0.47285353535353536,
      0.5404040404040404,
      0.6079545454545455,
      0.6755050505050506,
      0.7430555555555556
    ],
    "TaskName": "faces",
    "TotalReadoutTime": 0.024699802401580786,
    "UsePhilipsFloatNotDisplayScaling": 1,
    "acq_id": "mb3",
    "dataset": "ds002785",
    "modality": "bold",
    "subject_id": "0012",
    "task_id": "faces"
  },
  "dummy_trs": 0,
  "dvars_nstd": 30.60149096589664,
  "dvars_std": 1.1669849965957433,
  "dvars_vstd": 1.0239747074772028,
  "efc": 0.4249277165540782,
  "fber": 180593.8125,
  "fd_mean": 0.08978185080607537,
  "fd_num": 11,
  "fd_perc": 3.3333333333333335,
  "fwhm_avg": 1.8752664159663783,
  "fwhm_x": 1.8529133333333334,
  "fwhm_y": 1.96211,
  "fwhm_z": 1.8107759145658013,
  "gcor": 0.0149385,
  "gsr_x": -0.024229181930422783,
  "gsr_y": 0.012136097997426987,
  "provenance": {
    "md5sum": "77ab1dfa3a01618e1acb0ceccb626bae",
    "settings": {
      "fd_thres": 0.2,
      "testing": false
    },
    "software": "mriqc",
    "version": "22.0.0rc1",
    "webapi_port": null,
    "webapi_url": "https://mriqc.nimh.nih.gov/api/v1"
  },
  "size_t": 330,
  "size_x": 80,
  "size_y": 80,
  "size_z": 36,
  "snr": 5.65268389504997,
  "spacing_tr": 0.75,
  "spacing_x": 3.0,
  "spacing_y": 3.0,
  "spacing_z": 3.299999713897705,
  "summary_bg_k": 41.26422853846849,
  "summary_bg_mad": 41.65128343868057,
  "summary_bg_mean": 328.7178955078125,
  "summary_bg_median": 37.89197540283203,
  "summary_bg_n": 155061.0,
  "summary_bg_p05": 1.679966688156128,
  "summary_bg_p95": 1615.68896484375,
  "summary_bg_stdv": 980.9097290039062,
  "summary_fg_k": 0.7203530962819955,
  "summary_fg_mad": 2808.338172595412,
  "summary_fg_mean": 16649.923828125,
  "summary_fg_median": 16533.013671875,
  "summary_fg_n": 34715.0,
  "summary_fg_p05": 12101.2095703125,
  "summary_fg_p95": 21547.567773437495,
  "summary_fg_stdv": 2924.765625,
  "tsnr": 48.55013656616211
}