{
  "aor": 0.00035954545454545457,
  "aqi": 0.006760179090909091,
  "bids_meta": {
    "AcquisitionNumber": 2,
    "BidsifyVersion": "0.3.5",
    "ConversionSoftware": "dcm2niix",
    "ConversionSoftwareVersion": "v1.0.20181125  GCC6.3.0",
    "EchoTime": 0.02762,
    "EffectiveEchoSpacing": 0.0006333282667071997,
    "ImageComments": "piop",
    "ImageOrientationPatientDICOM": [
      0.998101,
      0.0220324,
      0.0575173,
      -0.014634,
      0.99192,
      -0.126017
    ],
    "Manufacturer": "Philips",
    "NumberOfVolumesDiscardedByScanner": 2,
    "ParallelAcquisitionTechnique": "SENSE",
    "ParallelReductionFactorInPlane": 2,
    "PatientPosition": "HFS",
    "PhaseEncodingDirection": "j",
    "PhilipsRescaleIntercept": 0,
    "PhilipsRescaleSlope": 0.82515,
    "PhilipsScaleSlope": 0.087283,
    "ProtocolName": "WIPpiopfacesSENSE",
    "PulseSequenceType": "gradient echo EPI",
    "ReconMatrixPE": 80,
    "RepetitionTime": 0.75,
    "SeriesDescription": "ImageMRSERIES",
    "SeriesNumber": 2,
    "SliceEncodingDirection": "k",
    "SliceTiming": [
      0.0,
      0.06755050505050506,
      0.1351010101010101,
      0.20265151515151517,
      0.2702020202020202,
      0.3377525252525253,
      0.40530303030303033,
      0.47285353535353536,
      0.5404040404040404,
      0.6079545454545455,
      0.6755050505050506,
      0.7430555555555556,
      0.0,
      0.06755050505050506,
      0.1351010101010101,
      0.20265151515151517,
      0.2702020202020202,
      0.3377525252525253,
      0.40530303030303033,
      0.47285353535353536,
      0.5404040404040404,
      0.6079545454545455,
      0.6755050505050506,
      0.7430555555555556,
      0.0,
      0.06755050505050506,
      0.1351010101010101,
      0.20265151515151517,
      0.2702020202020202,
      0.3377525252525253,
      0.40530303030303033,
      0.47285353535353536,
      0.5404040404040404,
      0.6079545454545455,
      0.6755050505050506,
      0.7430555555555556
    ],
    "TaskName": "faces",
    "TotalReadoutTime": 0.024699802401580786,
    "UsePhilipsFloatNotDisplayScaling": 1,
    "acq_id": "mb3",
    "dataset": "ds002785",
    "modality": "bold",
    "subject_id": "0138",
    "task_id": "faces"
  },
  "dummy_trs": 0,
  "dvars_nstd": 25.917710863769017,
  "dvars_std": 1.2447557273860193,
  "dvars_vstd": 1.0035674305167166,
  "efc": 0.42916789884660694,
  "fber": 210182.0,
  "fd_mean": 0.09231242452478579,
  "fd_num": 12,
  "fd_perc": 3.6363636363636362,
  "fwhm_avg": 2.1055925810759306,
  "fwhm_x": 2.1147666666666667,
  "fwhm_y": 2.2703533333333334,
  "fwhm_z": 1.9316577432277917,
  "gcor": 0.0648275,
  "gsr_x": -0.015867823734879494,
  "gsr_y": 0.006789727136492729,
  "provenance": {
    "md5sum": "083338c626adf99a19c58d99836384db",
    "settings": {
      "fd_thres": 0.2,
      "testing": false
    },
    "software": "mriqc",
    "version": "22.0.0rc1",
    "webapi_port": null,
    "webapi_url": "https://mriqc.nimh.nih.gov/api/v1"
  },
  "size_t": 330,
  "size_x": 80,
  "size_y": 80,
  "size_z": 36,
  "snr": 6.830442520660664,
  "spacing_tr": 0.75,
  "spacing_x": 3.0,
  "spacing_y": 3.0,
  "spacing_z": 3.299999713897705,
  "summary_bg_k": 39.885287879835204,
  "summary_bg_mad": 48.6323477316017,
  "summary_bg_mean": 432.35107421875,
  "summary_bg_median": 41.3133659362793,
  "summary_bg_n": 155548.0,
  "summary_bg_p05": 2.0896819829940796,
  "summary_bg_p95": 2284.972302246093,
  "summary_bg_stdv": 1242.9979248046875,
  "summary_fg_k": 1.30359325335996,
  "summary_fg_mad": 2563.7102543957167,
  "summary_fg_mean": 19285.83203125,
  "summary_fg_median": 19222.90625,
  "summary_fg_n": 34324.0,
  "summary_fg_p05": 14864.480517578126,
  "summary_fg_p95": 23905.99951171875,
  "summary_fg_stdv": 2814.2578125,
  "tsnr": 65.67032623291016
}