{
  "aor": 0.0013761500000000002,
  "aqi": 0.005435596850000001,
  "bids_meta": {
    "AcquisitionNumber": 9,
    "BidsifyVersion": "0.3.5",
    "ConversionSoftware": "dcm2niix",
    "ConversionSoftwareVersion": "v1.0.20181125  GCC6.3.0",
    "EchoTime": 0.02762,
    "EffectiveEchoSpacing": 0.0006621159151938905,
    "ImageComments": "piop",
    "ImageOrientationPatientDICOM": [
      0.998101,
      0.0220324,
      0.0575173,
      -0.014634,
      0.99192,
      -0.126017
    ],
    "Manufacturer": "Philips",
    "NumberOfVolumesDiscardedByScanner": 2,
    "ParallelAcquisitionTechnique": "SENSE",
    "ParallelReductionFactorInPlane": 2,
    "PatientPosition": "HFS",
    "PhaseEncodingDirection": "j",
    "PhilipsRescaleIntercept": 0,
    "PhilipsRescaleSlope": 0.82442,
    "PhilipsScaleSlope": 0.057115,
    "ProtocolName": "WIPpiopanticipatieSENSE",
    "PulseSequenceType": "gradient echo EPI",
    "ReconMatrixPE": 80,
    "RepetitionTime": 2,
    "SeriesDescription": "ImageMRSERIES",
    "SeriesNumber": 9,
    "SliceEncodingDirection": "k",
    "SliceTiming": [
      0.0,
      0.0541,
      0.1081,
      0.1622,
      0.2162,
      0.2703,
      0.3243,
      0.3784,
      0.4324,
      0.4865,
      0.5405,
      0.5946,
      0.6486,
      0.7027,
      0.7568,
      0.8108,
      0.8649,
      0.9189,
      0.973,
      1.027,
      1.0811,
      1.1351,
      1.1892,
      1.2432,
      1.2973,
      1.3514,
      1.4054,
      1.4595,
      1.5135,
      1.5676,
      1.6216,
      1.6757,
      1.7297,
      1.7838,
      1.8378,
      1.8919,
      1.9459
    ],
    "TaskName": "anticipation",
    "TotalReadoutTime": 0.025822520692561732,
    "UsePhilipsFloatNotDisplayScaling": 1,
    "acq_id": "seq",
    "dataset": "ds002785",
    "modality": "bold",
    "subject_id": "0138",
    "task_id": "anticipation"
  },
  "dummy_trs": 0,
  "dvars_nstd": 25.411906467336674,
  "dvars_std": 1.4171901413065333,
  "dvars_vstd": 1.0044504906030147,
  "efc": 0.4219253416590528,
  "fber": 187295.671875,
  "fd_mean": 0.12045531894957343,
  "fd_num": 18,
  "fd_perc": 9.0,
  "fwhm_avg": 1.807616422169298,
  "fwhm_x": 1.77271,
  "fwhm_y": 1.9183331808779096,
  "fwhm_z": 1.7318060856299844,
  "gcor": 0.0424475,
  "gsr_x": -0.013183980248868465,
  "gsr_y": 0.009097723290324211,
  "provenance": {
    "md5sum": "ae9353db1f4e030c30e5c2b95a290ea2",
    "settings": {
      "fd_thres": 0.2,
      "testing": false
    },
    "software": "mriqc",
    "version": "22.0.0rc1",
    "webapi_port": null,
    "webapi_url": "https://mriqc.nimh.nih.gov/api/v1"
  },
  "size_t": 200,
  "size_x": 80,
  "size_y": 80,
  "size_z": 37,
  "snr": 5.955194252968136,
  "spacing_tr": 2.0,
  "spacing_x": 3.0,
  "spacing_y": 3.000000238418579,
  "spacing_z": 3.299999952316284,
  "summary_bg_k": 54.60534598218165,
  "summary_bg_mad": 62.47162790802503,
  "summary_bg_mean": 557.313232421875,
  "summary_bg_median": 56.68933868408203,
  "summary_bg_n": 160581.0,
  "summary_bg_p05": 3.0739312171936035,
  "summary_bg_p95": 3033.83203125,
  "summary_bg_stdv": 1706.86181640625,
  "summary_fg_k": 3.147963415792831,
  "summary_fg_mad": 3576.056820987718,
  "summary_fg_mean": 25613.5625,
  "summary_fg_median": 25139.5546875,
  "summary_fg_n": 34983.0,
  "summary_fg_p05": 19841.0958984375,
  "summary_fg_p95": 32679.96328125,
  "summary_fg_stdv": 4221.3896484375,
  "tsnr": 80.67623901367188
}