{
  "aor": 0.0011366530612244897,
  "aqi": 0.004011315836734694,
  "bids_meta": {
    "AcquisitionNumber": 3,
    "BidsifyVersion": "0.3.5",
    "ConversionSoftware": "dcm2niix",
    "ConversionSoftwareVersion": "v1.0.20181125  GCC6.3.0",
    "EchoTime": 0.02762,
    "EffectiveEchoSpacing": 0.0006621159151938905,
    "ImageComments": "piop",
    "ImageOrientationPatientDICOM": [
      0.998101,
      0.0220324,
      0.0575173,
      -0.014634,
      0.99192,
      -0.126017
    ],
    "Manufacturer": "Philips",
    "NumberOfVolumesDiscardedByScanner": 2,
    "ParallelAcquisitionTechnique": "SENSE",
    "ParallelReductionFactorInPlane": 2,
    "PatientPosition": "HFS",
    "PhaseEncodingDirection": "j",
    "PhilipsRescaleIntercept": 0,
    "PhilipsRescaleSlope": 0.76313,
    "PhilipsScaleSlope": 0.0577621,
    "ProtocolName": "WIPpiopgstroopSENSE",
    "PulseSequenceType": "gradient echo EPI",
    "ReconMatrixPE": 80,
    "RepetitionTime": 2,
    "SeriesDescription": "ImageMRSERIES",
    "SeriesNumber": 3,
    "SliceEncodingDirection": "k",
    "SliceTiming": [
      0.0,
      0.0541,
      0.1081,
      0.1622,
      0.2162,
      0.2703,
      0.3243,
      0.3784,
      0.4324,
      0.4865,
      0.5405,
      0.5946,
      0.6486,
      0.7027,
      0.7568,
      0.8108,
      0.8649,
      0.9189,
      0.973,
      1.027,
      1.0811,
      1.1351,
      1.1892,
      1.2432,
      1.2973,
      1.3514,
      1.4054,
      1.4595,
      1.5135,
      1.5676,
      1.6216,
      1.6757,
      1.7297,
      1.7838,
      1.8378,
      1.8919,
      1.9459
    ],
    "TaskName": "gstroop",
    "TotalReadoutTime": 0.025822520692561732,
    "UsePhilipsFloatNotDisplayScaling": 1,
    "acq_id": "seq",
    "dataset": "ds002785",
    "modality": "bold",
    "subject_id": "0138",
    "task_id": "gstroop"
  },
  "dummy_trs": 0,
  "dvars_nstd": 23.758671932172142,
  "dvars_std": 1.412980479467213,
  "dvars_vstd": 1.0118312978688528,
  "efc": 0.4213141712378085,
  "fber": 186626.359375,
  "fd_mean": 0.11177577654370907,
  "fd_num": 10,
  "fd_perc": 4.081632653061225,
  "fwhm_avg": 1.8002895535498258,
  "fwhm_x": 1.76733,
  "fwhm_y": 1.913626514585295,
  "fwhm_z": 1.7199121460641824,
  "gcor": 0.0674475,
  "gsr_x": -0.013702944852411747,
  "gsr_y": 0.00777122937142849,
  "provenance": {
    "md5sum": "2265ef6a6b9914f507f311c2d859faf2",
    "settings": {
      "fd_thres": 0.2,
      "testing": false
    },
    "software": "mriqc",
    "version": "22.0.0rc1",
    "webapi_port": null,
    "webapi_url": "https://mriqc.nimh.nih.gov/api/v1"
  },
  "size_t": 245,
  "size_x": 80,
  "size_y": 80,
  "size_z": 37,
  "snr": 5.882763358154498,
  "spacing_tr": 2.0,
  "spacing_x": 3.0,
  "spacing_y": 3.000000238418579,
  "spacing_z": 3.299999952316284,
  "summary_bg_k": 56.74745524973167,
  "summary_bg_mad": 64.00892619455114,
  "summary_bg_mean": 567.0673828125,
  "summary_bg_median": 58.574729919433594,
  "summary_bg_n": 160623.0,
  "summary_bg_p05": 3.453371357917786,
  "summary_bg_p95": 3050.2788574218744,
  "summary_bg_stdv": 1765.4783935546875,
  "summary_fg_k": 3.2986884149343805,
  "summary_fg_mad": 3694.2234030808186,
  "summary_fg_mean": 26443.509765625,
  "summary_fg_median": 25938.9140625,
  "summary_fg_n": 34928.0,
  "summary_fg_p05": 20428.8255859375,
  "summary_fg_p95": 33798.263476562504,
  "summary_fg_stdv": 4409.24462890625,
  "tsnr": 90.27269744873047
}