{
  "aor": 0.006088222222222222,
  "aqi": 0.004924884962962962,
  "bids_meta": {
    "AcquisitionNumber": 5,
    "BidsifyVersion": "0.3.5",
    "ConversionSoftware": "dcm2niix",
    "ConversionSoftwareVersion": "v1.0.20181125  GCC6.3.0",
    "EchoTime": 0.02762,
    "EffectiveEchoSpacing": 0.0006621159151938905,
    "ImageComments": "piop",
    "ImageOrientationPatientDICOM": [
      0.998101,
      0.0220324,
      0.0575173,
      -0.014634,
      0.99192,
      -0.126017
    ],
    "Manufacturer": "Philips",
    "NumberOfVolumesDiscardedByScanner": 2,
    "ParallelAcquisitionTechnique": "SENSE",
    "ParallelReductionFactorInPlane": 2,
    "PatientPosition": "HFS",
    "PhaseEncodingDirection": "j",
    "PhilipsRescaleIntercept": 0,
    "PhilipsRescaleSlope": 0.83346,
    "PhilipsScaleSlope": 0.0565592,
    "ProtocolName": "WIPpiopharririSENSE",
    "PulseSequenceType": "gradient echo EPI",
    "ReconMatrixPE": 80,
    "RepetitionTime": 2,
    "SeriesDescription": "ImageMRSERIES",
    "SeriesNumber": 5,
    "SliceEncodingDirection": "k",
    "SliceTiming": [
      0.0,
      0.0541,
      0.1081,
      0.1622,
      0.2162,
      0.2703,
      0.3243,
      0.3784,
      0.4324,
      0.4865,
      0.5405,
      0.5946,
      0.6486,
      0.7027,
      0.7568,
      0.8108,
      0.8649,
      0.9189,
      0.973,
      1.027,
      1.0811,
      1.1351,
      1.1892,
      1.2432,
      1.2973,
      1.3514,
      1.4054,
      1.4595,
      1.5135,
      1.5676,
      1.6216,
      1.6757,
      1.7297,
      1.7838,
      1.8378,
      1.8919,
      1.9459
    ],
    "TaskName": "emomatching",
    "TotalReadoutTime": 0.025822520692561732,
    "UsePhilipsFloatNotDisplayScaling": 1,
    "acq_id": "seq",
    "dataset": "ds002785",
    "modality": "bold",
    "subject_id": "0138",
    "task_id": "emomatching"
  },
  "dummy_trs": 0,
  "dvars_nstd": 25.704686877014932,
  "dvars_std": 1.4570879499253735,
  "dvars_vstd": 1.0561839620895523,
  "efc": 0.4219125709338328,
  "fber": 186416.0,
  "fd_mean": 0.14894785210915523,
  "fd_num": 22,
  "fd_perc": 16.296296296296298,
  "fwhm_avg": 1.8133118761579194,
  "fwhm_x": 1.7902033333333334,
  "fwhm_y": 1.936056512802719,
  "fwhm_z": 1.7136757823377058,
  "gcor": 0.0595748,
  "gsr_x": -0.013906716369092464,
  "gsr_y": 0.008283055387437344,
  "provenance": {
    "md5sum": "2755c2bea868fc9f58a356ccd7dd773c",
    "settings": {
      "fd_thres": 0.2,
      "testing": false
    },
    "software": "mriqc",
    "version": "22.0.0rc1",
    "webapi_port": null,
    "webapi_url": "https://mriqc.nimh.nih.gov/api/v1"
  },
  "size_t": 135,
  "size_x": 80,
  "size_y": 80,
  "size_z": 37,
  "snr": 5.796800021964659,
  "spacing_tr": 2.0,
  "spacing_x": 3.0,
  "spacing_y": 3.000000238418579,
  "spacing_z": 3.299999952316284,
  "summary_bg_k": 57.760527034168035,
  "summary_bg_mad": 64.50306707812085,
  "summary_bg_mean": 570.400146484375,
  "summary_bg_median": 57.748291015625,
  "summary_bg_n": 160590.0,
  "summary_bg_p05": 3.3983181953430175,
  "summary_bg_p95": 3087.843676757812,
  "summary_bg_stdv": 1753.9837646484375,
  "summary_fg_k": 3.1493425904484376,
  "summary_fg_mad": 3714.7930610088542,
  "summary_fg_mean": 26042.6875,
  "summary_fg_median": 25546.21484375,
  "summary_fg_n": 34964.0,
  "summary_fg_p05": 19988.18740234375,
  "summary_fg_p95": 33392.4603515625,
  "summary_fg_stdv": 4406.88818359375,
  "tsnr": 80.99312591552734
}