{
  "aor": 0.0025011728395061728,
  "aqi": 0.0042639069753086425,
  "bids_meta": {
    "AcquisitionNumber": 8,
    "BidsifyVersion": "0.3.5",
    "ConversionSoftware": "dcm2niix",
    "ConversionSoftwareVersion": "v1.0.20181125  GCC6.3.0",
    "EchoTime": 0.02762,
    "EffectiveEchoSpacing": 0.0006621159151938905,
    "ImageComments": "piop",
    "ImageOrientationPatientDICOM": [
      0.998101,
      0.0220324,
      0.0575173,
      -0.014634,
      0.99192,
      -0.126017
    ],
    "Manufacturer": "Philips",
    "NumberOfVolumesDiscardedByScanner": 2,
    "ParallelAcquisitionTechnique": "SENSE",
    "ParallelReductionFactorInPlane": 2,
    "PatientPosition": "HFS",
    "PhaseEncodingDirection": "j",
    "PhilipsRescaleIntercept": 0,
    "PhilipsRescaleSlope": 0.80757,
    "PhilipsScaleSlope": 0.0560653,
    "ProtocolName": "WIPpiopwmSENSE",
    "PulseSequenceType": "gradient echo EPI",
    "ReconMatrixPE": 80,
    "RepetitionTime": 2,
    "SeriesDescription": "ImageMRSERIES",
    "SeriesNumber": 8,
    "SliceEncodingDirection": "k",
    "SliceTiming": [
      0.0,
      0.0541,
      0.1081,
      0.1622,
      0.2162,
      0.2703,
      0.3243,
      0.3784,
      0.4324,
      0.4865,
      0.5405,
      0.5946,
      0.6486,
      0.7027,
      0.7568,
      0.8108,
      0.8649,
      0.9189,
      0.973,
      1.027,
      1.0811,
      1.1351,
      1.1892,
      1.2432,
      1.2973,
      1.3514,
      1.4054,
      1.4595,
      1.5135,
      1.5676,
      1.6216,
      1.6757,
      1.7297,
      1.7838,
      1.8378,
      1.8919,
      1.9459
    ],
    "TaskName": "workingmemory",
    "TotalReadoutTime": 0.025822520692561732,
    "UsePhilipsFloatNotDisplayScaling": 1,
    "acq_id": "seq",
    "dataset": "ds002785",
    "modality": "bold",
    "subject_id": "0138",
    "task_id": "workingmemory"
  },
  "dummy_trs": 0,
  "dvars_nstd": 24.77557441751554,
  "dvars_std": 1.4632633272049695,
  "dvars_vstd": 1.0315347344099375,
  "efc": 0.4215502877574322,
  "fber": 192314.078125,
  "fd_mean": 0.10758125954453816,
  "fd_num": 11,
  "fd_perc": 6.790123456790123,
  "fwhm_avg": 1.8303825830921683,
  "fwhm_x": 1.7950833333333334,
  "fwhm_y": 1.9475431785565074,
  "fwhm_z": 1.7485212373866637,
  "gcor": 0.0459581,
  "gsr_x": -0.013582994230091572,
  "gsr_y": 0.008886073715984821,
  "provenance": {
    "md5sum": "3db1f5644af9e1582157c5c53e6f0434",
    "settings": {
      "fd_thres": 0.2,
      "testing": false
    },
    "software": "mriqc",
    "version": "22.0.0rc1",
    "webapi_port": null,
    "webapi_url": "https://mriqc.nimh.nih.gov/api/v1"
  },
  "size_t": 162,
  "size_x": 80,
  "size_y": 80,
  "size_z": 37,
  "snr": 5.731244552858678,
  "spacing_tr": 2.0,
  "spacing_x": 3.0,
  "spacing_y": 3.000000238418579,
  "spacing_z": 3.299999952316284,
  "summary_bg_k": 57.80285796690845,
  "summary_bg_mad": 62.71117841811287,
  "summary_bg_mean": 562.105712890625,
  "summary_bg_median": 56.671939849853516,
  "summary_bg_n": 160593.0,
  "summary_bg_p05": 3.013745450973511,
  "summary_bg_p95": 3042.902246093748,
  "summary_bg_stdv": 1727.2801513671875,
  "summary_fg_k": 3.377111508244343,
  "summary_fg_mad": 3755.5935790923386,
  "summary_fg_mean": 25968.34765625,
  "summary_fg_median": 25451.642578125,
  "summary_fg_n": 34993.0,
  "summary_fg_p05": 19915.965625,
  "summary_fg_p95": 33351.38671875,
  "summary_fg_stdv": 4440.79443359375,
  "tsnr": 87.15628051757812
}