{
  "aor": 0.0006382672233820459,
  "aqi": 0.01226318655532359,
  "bids_meta": {
    "AcquisitionNumber": 6,
    "BidsifyVersion": "0.3.5",
    "ConversionSoftware": "dcm2niix",
    "ConversionSoftwareVersion": "v1.0.20181125  GCC6.3.0",
    "EchoTime": 0.02762,
    "EffectiveEchoSpacing": 0.0006333282667071997,
    "ImageComments": "piop",
    "ImageOrientationPatientDICOM": [
      0.998101,
      0.0220324,
      0.0575173,
      -0.014634,
      0.99192,
      -0.126017
    ],
    "Manufacturer": "Philips",
    "NumberOfVolumesDiscardedByScanner": 2,
    "ParallelAcquisitionTechnique": "SENSE",
    "ParallelReductionFactorInPlane": 2,
    "PatientPosition": "HFS",
    "PhaseEncodingDirection": "j",
    "PhilipsRescaleIntercept": 0,
    "PhilipsRescaleSlope": 0.84957,
    "PhilipsScaleSlope": 0.0833827,
    "ProtocolName": "WIPpioprsSENSE",
    "PulseSequenceType": "gradient echo EPI",
    "ReconMatrixPE": 80,
    "RepetitionTime": 0.75,
    "SeriesDescription": "ImageMRSERIES",
    "SeriesNumber": 6,
    "SliceEncodingDirection": "k",
    "SliceTiming": [
      0.0,
      0.06755050505050506,
      0.1351010101010101,
      0.20265151515151517,
      0.2702020202020202,
      0.3377525252525253,
      0.40530303030303033,
      0.47285353535353536,
      0.5404040404040404,
      0.6079545454545455,
      0.6755050505050506,
      0.7430555555555556,
      0.0,
      0.06755050505050506,
      0.1351010101010101,
      0.20265151515151517,
      0.2702020202020202,
      0.3377525252525253,
      0.40530303030303033,
      0.47285353535353536,
      0.5404040404040404,
      0.6079545454545455,
      0.6755050505050506,
      0.7430555555555556,
      0.0,
      0.06755050505050506,
      0.1351010101010101,
      0.20265151515151517,
      0.2702020202020202,
      0.3377525252525253,
      0.40530303030303033,
      0.47285353535353536,
      0.5404040404040404,
      0.6079545454545455,
      0.6755050505050506,
      0.7430555555555556
    ],
    "TaskName": "restingstate",
    "TotalReadoutTime": 0.024699802401580786,
    "UsePhilipsFloatNotDisplayScaling": 1,
    "acq_id": "mb3",
    "dataset": "ds002785",
    "modality": "bold",
    "subject_id": "0138",
    "task_id": "restingstate"
  },
  "dummy_trs": 1,
  "dvars_nstd": 29.547727944100437,
  "dvars_std": 1.2023076770920507,
  "dvars_vstd": 0.9957236568828458,
  "efc": 0.42852694489005383,
  "fber": 210612.421875,
  "fd_mean": 0.09505000240479418,
  "fd_num": 26,
  "fd_perc": 5.427974947807933,
  "fwhm_avg": 1.8195598554708525,
  "fwhm_x": 1.7972233333333334,
  "fwhm_y": 1.9533531780947702,
  "fwhm_z": 1.7081030549844547,
  "gcor": 0.0322194,
  "gsr_x": -0.014726325869560242,
  "gsr_y": 0.0071490914560854435,
  "provenance": {
    "md5sum": "2dbb6a54aa0c278dc2a9cd97687d10f5",
    "settings": {
      "fd_thres": 0.2,
      "testing": false
    },
    "software": "mriqc",
    "version": "22.0.0rc1",
    "webapi_port": null,
    "webapi_url": "https://mriqc.nimh.nih.gov/api/v1"
  },
  "size_t": 479,
  "size_x": 80,
  "size_y": 80,
  "size_z": 36,
  "snr": 7.301592870606724,
  "spacing_tr": 0.75,
  "spacing_x": 3.0,
  "spacing_y": 3.000000238418579,
  "spacing_z": 3.299999952316284,
  "summary_bg_k": 40.88407054882503,
  "summary_bg_mad": 47.36431559763973,
  "summary_bg_mean": 425.55926513671875,
  "summary_bg_median": 39.59319305419922,
  "summary_bg_n": 155588.0,
  "summary_bg_p05": 1.6141065061092377,
  "summary_bg_p95": 2300.1121459960937,
  "summary_bg_stdv": 1257.55908203125,
  "summary_fg_k": 1.715893766542055,
  "summary_fg_mad": 2262.042690687968,
  "summary_fg_mean": 18547.58203125,
  "summary_fg_median": 18525.18359375,
  "summary_fg_n": 34229.0,
  "summary_fg_p05": 14550.335546875,
  "summary_fg_p95": 22629.039453125,
  "summary_fg_stdv": 2537.105712890625,
  "tsnr": 52.98545455932617
}