{
  "aor": 0.009384596273291924,
  "aqi": 0.016779670372670807,
  "bids_meta": {
    "AcquisitionNumber": 8,
    "BidsifyVersion": "0.3.5",
    "ConversionSoftware": "dcm2niix",
    "ConversionSoftwareVersion": "v1.0.20181125  GCC6.3.0",
    "EchoTime": 0.02762,
    "EffectiveEchoSpacing": 0.0006621159151938905,
    "ImageComments": "piop",
    "ImageOrientationPatientDICOM": [
      0.997335,
      -0.0409751,
      0.0603582,
      0.0576806,
      0.949462,
      -0.308536
    ],
    "Manufacturer": "Philips",
    "NumberOfVolumesDiscardedByScanner": 2,
    "ParallelAcquisitionTechnique": "SENSE",
    "ParallelReductionFactorInPlane": 2,
    "PatientPosition": "HFS",
    "PhaseEncodingDirection": "j",
    "PhilipsRescaleIntercept": 0,
    "PhilipsRescaleSlope": 0.80659,
    "PhilipsScaleSlope": 0.0647318,
    "ProtocolName": "WIPpiopwmSENSE",
    "PulseSequenceType": "gradient echo EPI",
    "ReconMatrixPE": 80,
    "RepetitionTime": 2,
    "SeriesDescription": "ImageMRSERIES",
    "SeriesNumber": 8,
    "SliceEncodingDirection": "k",
    "SliceTiming": [
      0.0,
      0.0541,
      0.1081,
      0.1622,
      0.2162,
      0.2703,
      0.3243,
      0.3784,
      0.4324,
      0.4865,
      0.5405,
      0.5946,
      0.6486,
      0.7027,
      0.7568,
      0.8108,
      0.8649,
      0.9189,
      0.973,
      1.027,
      1.0811,
      1.1351,
      1.1892,
      1.2432,
      1.2973,
      1.3514,
      1.4054,
      1.4595,
      1.5135,
      1.5676,
      1.6216,
      1.6757,
      1.7297,
      1.7838,
      1.8378,
      1.8919,
      1.9459
    ],
    "TaskName": "workingmemory",
    "TotalReadoutTime": 0.025822520692561732,
    "UsePhilipsFloatNotDisplayScaling": 1,
    "acq_id": "seq",
    "dataset": "ds002785",
    "modality": "bold",
    "subject_id": "0190",
    "task_id": "workingmemory"
  },
  "dummy_trs": 1,
  "dvars_nstd": 28.25751022099999,
  "dvars_std": 1.2437043605625002,
  "dvars_vstd": 1.0196099206875,
  "efc": 0.4152244002391563,
  "fber": 167685.375,
  "fd_mean": 0.24228455609961438,
  "fd_num": 71,
  "fd_perc": 44.099378881987576,
  "fwhm_avg": 1.6671742501231848,
  "fwhm_x": 1.6437233333333332,
  "fwhm_y": 1.75936,
  "fwhm_z": 1.5984394170362215,
  "gcor": 0.0164767,
  "gsr_x": -0.018446464091539383,
  "gsr_y": 0.01156429760158062,
  "provenance": {
    "md5sum": "a653af8eb6fed32869402e2aebab4e4b",
    "settings": {
      "fd_thres": 0.2,
      "testing": false
    },
    "software": "mriqc",
    "version": "22.0.0rc1",
    "webapi_port": null,
    "webapi_url": "https://mriqc.nimh.nih.gov/api/v1"
  },
  "size_t": 161,
  "size_x": 80,
  "size_y": 80,
  "size_z": 37,
  "snr": 5.392488504680635,
  "spacing_tr": 2.0,
  "spacing_x": 3.0,
  "spacing_y": 3.0,
  "spacing_z": 3.299999952316284,
  "summary_bg_k": 91.82755431512876,
  "summary_bg_mad": 63.304156527482334,
  "summary_bg_mean": 507.4759826660156,
  "summary_bg_median": 56.46097946166992,
  "summary_bg_n": 162203.0,
  "summary_bg_p05": 3.766769194602966,
  "summary_bg_p95": 2633.421948242187,
  "summary_bg_stdv": 1594.6800537109375,
  "summary_fg_k": 1.346853703448689,
  "summary_fg_mad": 4149.994726289409,
  "summary_fg_mean": 23692.251953125,
  "summary_fg_median": 23259.337890625,
  "summary_fg_n": 34249.0,
  "summary_fg_p05": 17719.00625,
  "summary_fg_p95": 31189.38515625,
  "summary_fg_stdv": 4313.2216796875,
  "tsnr": 43.72572326660156
}