{
  "aor": 0.0007305151515151515,
  "aqi": 0.021443463636363635,
  "bids_meta": {
    "AcquisitionNumber": 2,
    "BidsifyVersion": "0.3.5",
    "ConversionSoftware": "dcm2niix",
    "ConversionSoftwareVersion": "v1.0.20181125  GCC6.3.0",
    "EchoTime": 0.02762,
    "EffectiveEchoSpacing": 0.0006333282667071997,
    "ImageComments": "piop",
    "ImageOrientationPatientDICOM": [
      0.997335,
      -0.0409751,
      0.0603582,
      0.0576806,
      0.949462,
      -0.308536
    ],
    "Manufacturer": "Philips",
    "NumberOfVolumesDiscardedByScanner": 2,
    "ParallelAcquisitionTechnique": "SENSE",
    "ParallelReductionFactorInPlane": 2,
    "PatientPosition": "HFS",
    "PhaseEncodingDirection": "j",
    "PhilipsRescaleIntercept": 0,
    "PhilipsRescaleSlope": 0.78803,
    "PhilipsScaleSlope": 0.102495,
    "ProtocolName": "WIPpiopfacesSENSE",
    "PulseSequenceType": "gradient echo EPI",
    "ReconMatrixPE": 80,
    "RepetitionTime": 0.75,
    "SeriesDescription": "ImageMRSERIES",
    "SeriesNumber": 2,
    "SliceEncodingDirection": "k",
    "SliceTiming": [
      0.0,
      0.06755050505050506,
      0.1351010101010101,
      0.20265151515151517,
      0.2702020202020202,
      0.3377525252525253,
      0.40530303030303033,
      0.47285353535353536,
      0.5404040404040404,
      0.6079545454545455,
      0.6755050505050506,
      0.7430555555555556,
      0.0,
      0.06755050505050506,
      0.1351010101010101,
      0.20265151515151517,
      0.2702020202020202,
      0.3377525252525253,
      0.40530303030303033,
      0.47285353535353536,
      0.5404040404040404,
      0.6079545454545455,
      0.6755050505050506,
      0.7430555555555556,
      0.0,
      0.06755050505050506,
      0.1351010101010101,
      0.20265151515151517,
      0.2702020202020202,
      0.3377525252525253,
      0.40530303030303033,
      0.47285353535353536,
      0.5404040404040404,
      0.6079545454545455,
      0.6755050505050506,
      0.7430555555555556
    ],
    "TaskName": "faces",
    "TotalReadoutTime": 0.024699802401580786,
    "UsePhilipsFloatNotDisplayScaling": 1,
    "acq_id": "mb3",
    "dataset": "ds002785",
    "modality": "bold",
    "subject_id": "0190",
    "task_id": "faces"
  },
  "dummy_trs": 0,
  "dvars_nstd": 32.02635734340425,
  "dvars_std": 1.123863913404255,
  "dvars_vstd": 0.9695446357142857,
  "efc": 0.41853976181330543,
  "fber": 165158.53125,
  "fd_mean": 0.12731050089629423,
  "fd_num": 41,
  "fd_perc": 12.424242424242424,
  "fwhm_avg": 1.6876150581364449,
  "fwhm_x": 1.6898,
  "fwhm_y": 1.7886300000000002,
  "fwhm_z": 1.5844151744093344,
  "gcor": 0.0222749,
  "gsr_x": -0.017920585349202156,
  "gsr_y": 0.010614789091050625,
  "provenance": {
    "md5sum": "d0f7f38cccf77b9e8bf744124734e16d",
    "settings": {
      "fd_thres": 0.2,
      "testing": false
    },
    "software": "mriqc",
    "version": "22.0.0rc1",
    "webapi_port": null,
    "webapi_url": "https://mriqc.nimh.nih.gov/api/v1"
  },
  "size_t": 330,
  "size_x": 80,
  "size_y": 80,
  "size_z": 36,
  "snr": 6.770074297375125,
  "spacing_tr": 0.75,
  "spacing_x": 3.0,
  "spacing_y": 3.0,
  "spacing_z": 3.299999952316284,
  "summary_bg_k": 75.94455709882139,
  "summary_bg_mad": 49.00617677761757,
  "summary_bg_mean": 370.9961242675781,
  "summary_bg_median": 43.38353729248047,
  "summary_bg_n": 157081.0,
  "summary_bg_p05": 2.382558584213257,
  "summary_bg_p95": 1845.65771484375,
  "summary_bg_stdv": 1125.15576171875,
  "summary_fg_k": 0.742191974648319,
  "summary_fg_mad": 2574.0218686537214,
  "summary_fg_mean": 17842.951171875,
  "summary_fg_median": 17712.59375,
  "summary_fg_n": 33476.0,
  "summary_fg_p05": 13869.536865234375,
  "summary_fg_p95": 22209.11083984375,
  "summary_fg_stdv": 2616.26806640625,
  "tsnr": 39.225425720214844
}