{
  "aor": 0.0015527348643006266,
  "aqi": 0.014600075177453027,
  "bids_meta": {
    "AcquisitionNumber": 6,
    "BidsifyVersion": "0.3.5",
    "ConversionSoftware": "dcm2niix",
    "ConversionSoftwareVersion": "v1.0.20181125  GCC6.3.0",
    "EchoTime": 0.02762,
    "EffectiveEchoSpacing": 0.0006333282667071997,
    "ImageComments": "piop",
    "ImageOrientationPatientDICOM": [
      0.997335,
      -0.0409751,
      0.0603582,
      0.0576806,
      0.949462,
      -0.308536
    ],
    "Manufacturer": "Philips",
    "NumberOfVolumesDiscardedByScanner": 2,
    "ParallelAcquisitionTechnique": "SENSE",
    "ParallelReductionFactorInPlane": 2,
    "PatientPosition": "HFS",
    "PhaseEncodingDirection": "j",
    "PhilipsRescaleIntercept": 0,
    "PhilipsRescaleSlope": 0.83077,
    "PhilipsScaleSlope": 0.0941051,
    "ProtocolName": "WIPpioprsSENSE",
    "PulseSequenceType": "gradient echo EPI",
    "ReconMatrixPE": 80,
    "RepetitionTime": 0.75,
    "SeriesDescription": "ImageMRSERIES",
    "SeriesNumber": 6,
    "SliceEncodingDirection": "k",
    "SliceTiming": [
      0.0,
      0.06755050505050506,
      0.1351010101010101,
      0.20265151515151517,
      0.2702020202020202,
      0.3377525252525253,
      0.40530303030303033,
      0.47285353535353536,
      0.5404040404040404,
      0.6079545454545455,
      0.6755050505050506,
      0.7430555555555556,
      0.0,
      0.06755050505050506,
      0.1351010101010101,
      0.20265151515151517,
      0.2702020202020202,
      0.3377525252525253,
      0.40530303030303033,
      0.47285353535353536,
      0.5404040404040404,
      0.6079545454545455,
      0.6755050505050506,
      0.7430555555555556,
      0.0,
      0.06755050505050506,
      0.1351010101010101,
      0.20265151515151517,
      0.2702020202020202,
      0.3377525252525253,
      0.40530303030303033,
      0.47285353535353536,
      0.5404040404040404,
      0.6079545454545455,
      0.6755050505050506,
      0.7430555555555556
    ],
    "TaskName": "restingstate",
    "TotalReadoutTime": 0.024699802401580786,
    "UsePhilipsFloatNotDisplayScaling": 1,
    "acq_id": "mb3",
    "dataset": "ds002785",
    "modality": "bold",
    "subject_id": "0190",
    "task_id": "restingstate"
  },
  "dummy_trs": 1,
  "dvars_nstd": 32.70292713853555,
  "dvars_std": 1.198450021025103,
  "dvars_vstd": 1.01321086832636,
  "efc": 0.4199372144467285,
  "fber": 165087.96875,
  "fd_mean": 0.11648692266213702,
  "fd_num": 22,
  "fd_perc": 4.592901878914405,
  "fwhm_avg": 1.6369081894468758,
  "fwhm_x": 1.6037299999999999,
  "fwhm_y": 1.72314,
  "fwhm_z": 1.5838545683406278,
  "gcor": 0.0165423,
  "gsr_x": -0.01799115724861622,
  "gsr_y": 0.010677373968064785,
  "provenance": {
    "md5sum": "17a59a58566d8faab3edcb9e9218a828",
    "settings": {
      "fd_thres": 0.2,
      "testing": false
    },
    "software": "mriqc",
    "version": "22.0.0rc1",
    "webapi_port": null,
    "webapi_url": "https://mriqc.nimh.nih.gov/api/v1"
  },
  "size_t": 479,
  "size_x": 80,
  "size_y": 80,
  "size_z": 36,
  "snr": 7.159915494751964,
  "spacing_tr": 0.75,
  "spacing_x": 3.0,
  "spacing_y": 3.0,
  "spacing_z": 3.299999952316284,
  "summary_bg_k": 79.91541941931723,
  "summary_bg_mad": 47.87538675518518,
  "summary_bg_mean": 376.0632629394531,
  "summary_bg_median": 42.28642654418945,
  "summary_bg_n": 157198.0,
  "summary_bg_p05": 2.0190912246704102,
  "summary_bg_p95": 1898.577514648437,
  "summary_bg_stdv": 1151.7396240234375,
  "summary_fg_k": 1.2104098939245969,
  "summary_fg_mad": 2338.0050605073093,
  "summary_fg_mean": 17478.0,
  "summary_fg_median": 17361.267578125,
  "summary_fg_n": 33518.0,
  "summary_fg_p05": 13850.23125,
  "summary_fg_p95": 21465.87470703125,
  "summary_fg_stdv": 2424.75048828125,
  "tsnr": 47.09207534790039
}