{
  "aor": 0.0161622,
  "aqi": 0.0127419517,
  "bids_meta": {
    "AcquisitionNumber": 9,
    "BidsifyVersion": "0.3.5",
    "ConversionSoftware": "dcm2niix",
    "ConversionSoftwareVersion": "v1.0.20181125  GCC6.3.0",
    "EchoTime": 0.02762,
    "EffectiveEchoSpacing": 0.0006621159151938905,
    "ImageComments": "piop",
    "ImageOrientationPatientDICOM": [
      0.997335,
      -0.0409751,
      0.0603582,
      0.0576806,
      0.949462,
      -0.308536
    ],
    "Manufacturer": "Philips",
    "NumberOfVolumesDiscardedByScanner": 2,
    "ParallelAcquisitionTechnique": "SENSE",
    "ParallelReductionFactorInPlane": 2,
    "PatientPosition": "HFS",
    "PhaseEncodingDirection": "j",
    "PhilipsRescaleIntercept": 0,
    "PhilipsRescaleSlope": 0.78144,
    "PhilipsScaleSlope": 0.0688533,
    "ProtocolName": "WIPpiopanticipatieSENSE",
    "PulseSequenceType": "gradient echo EPI",
    "ReconMatrixPE": 80,
    "RepetitionTime": 2,
    "SeriesDescription": "ImageMRSERIES",
    "SeriesNumber": 9,
    "SliceEncodingDirection": "k",
    "SliceTiming": [
      0.0,
      0.0541,
      0.1081,
      0.1622,
      0.2162,
      0.2703,
      0.3243,
      0.3784,
      0.4324,
      0.4865,
      0.5405,
      0.5946,
      0.6486,
      0.7027,
      0.7568,
      0.8108,
      0.8649,
      0.9189,
      0.973,
      1.027,
      1.0811,
      1.1351,
      1.1892,
      1.2432,
      1.2973,
      1.3514,
      1.4054,
      1.4595,
      1.5135,
      1.5676,
      1.6216,
      1.6757,
      1.7297,
      1.7838,
      1.8378,
      1.8919,
      1.9459
    ],
    "TaskName": "anticipation",
    "TotalReadoutTime": 0.025822520692561732,
    "UsePhilipsFloatNotDisplayScaling": 1,
    "acq_id": "seq",
    "dataset": "ds002785",
    "modality": "bold",
    "subject_id": "0190",
    "task_id": "anticipation"
  },
  "dummy_trs": 0,
  "dvars_nstd": 28.257583963165835,
  "dvars_std": 1.423559535125628,
  "dvars_vstd": 1.1323707588442213,
  "efc": 0.41369341326619125,
  "fber": 171780.09375,
  "fd_mean": 0.21213115355350995,
  "fd_num": 96,
  "fd_perc": 48.0,
  "fwhm_avg": 1.654781623921787,
  "fwhm_x": 1.6261933333333334,
  "fwhm_y": 1.727,
  "fwhm_z": 1.6111515384320279,
  "gcor": 0.0166633,
  "gsr_x": -0.0179856326431036,
  "gsr_y": 0.013360715471208096,
  "provenance": {
    "md5sum": "6d6dca7abb4703b4dde2190ea9833a58",
    "settings": {
      "fd_thres": 0.2,
      "testing": false
    },
    "software": "mriqc",
    "version": "22.0.0rc1",
    "webapi_port": null,
    "webapi_url": "https://mriqc.nimh.nih.gov/api/v1"
  },
  "size_t": 200,
  "size_x": 80,
  "size_y": 80,
  "size_z": 37,
  "snr": 5.496576818250435,
  "spacing_tr": 2.0,
  "spacing_x": 3.0,
  "spacing_y": 3.0,
  "spacing_z": 3.299999952316284,
  "summary_bg_k": 101.15443635222208,
  "summary_bg_mad": 60.185869837021535,
  "summary_bg_mean": 515.625,
  "summary_bg_median": 56.17974090576172,
  "summary_bg_n": 162295.0,
  "summary_bg_p05": 4.01880865097046,
  "summary_bg_p95": 2660.940478515623,
  "summary_bg_stdv": 1632.9114990234375,
  "summary_fg_k": 1.2765058731120504,
  "summary_fg_mad": 4123.942046289614,
  "summary_fg_mean": 23751.57421875,
  "summary_fg_median": 23324.400390625,
  "summary_fg_n": 34074.0,
  "summary_fg_p05": 17882.00361328125,
  "summary_fg_p95": 31100.21044921875,
  "summary_fg_stdv": 4243.37890625,
  "tsnr": 49.345970153808594
}