{
  "aor": 0.005322326530612246,
  "aqi": 0.02012715804081633,
  "bids_meta": {
    "AcquisitionNumber": 3,
    "BidsifyVersion": "0.3.5",
    "ConversionSoftware": "dcm2niix",
    "ConversionSoftwareVersion": "v1.0.20181125  GCC6.3.0",
    "EchoTime": 0.02762,
    "EffectiveEchoSpacing": 0.0006621159151938905,
    "ImageComments": "piop",
    "ImageOrientationPatientDICOM": [
      0.997335,
      -0.0409751,
      0.0603582,
      0.0576806,
      0.949462,
      -0.308536
    ],
    "Manufacturer": "Philips",
    "NumberOfVolumesDiscardedByScanner": 2,
    "ParallelAcquisitionTechnique": "SENSE",
    "ParallelReductionFactorInPlane": 2,
    "PatientPosition": "HFS",
    "PhaseEncodingDirection": "j",
    "PhilipsRescaleIntercept": 0,
    "PhilipsRescaleSlope": 0.85153,
    "PhilipsScaleSlope": 0.0569402,
    "ProtocolName": "WIPpiopgstroopSENSE",
    "PulseSequenceType": "gradient echo EPI",
    "ReconMatrixPE": 80,
    "RepetitionTime": 2,
    "SeriesDescription": "ImageMRSERIES",
    "SeriesNumber": 3,
    "SliceEncodingDirection": "k",
    "SliceTiming": [
      0.0,
      0.0541,
      0.1081,
      0.1622,
      0.2162,
      0.2703,
      0.3243,
      0.3784,
      0.4324,
      0.4865,
      0.5405,
      0.5946,
      0.6486,
      0.7027,
      0.7568,
      0.8108,
      0.8649,
      0.9189,
      0.973,
      1.027,
      1.0811,
      1.1351,
      1.1892,
      1.2432,
      1.2973,
      1.3514,
      1.4054,
      1.4595,
      1.5135,
      1.5676,
      1.6216,
      1.6757,
      1.7297,
      1.7838,
      1.8378,
      1.8919,
      1.9459
    ],
    "TaskName": "gstroop",
    "TotalReadoutTime": 0.025822520692561732,
    "UsePhilipsFloatNotDisplayScaling": 1,
    "acq_id": "seq",
    "dataset": "ds002785",
    "modality": "bold",
    "subject_id": "0190",
    "task_id": "gstroop"
  },
  "dummy_trs": 0,
  "dvars_nstd": 25.037428183565556,
  "dvars_std": 1.1718946459016395,
  "dvars_vstd": 0.9563401641803277,
  "efc": 0.41213104679697127,
  "fber": 167240.484375,
  "fd_mean": 0.18303287865758486,
  "fd_num": 71,
  "fd_perc": 28.979591836734695,
  "fwhm_avg": 1.6421396035851956,
  "fwhm_x": 1.6133499999999998,
  "fwhm_y": 1.7298566666666666,
  "fwhm_z": 1.5832121440889204,
  "gcor": 0.0154075,
  "gsr_x": -0.016190506517887115,
  "gsr_y": 0.013073823414742947,
  "provenance": {
    "md5sum": "7b2595e0916ad75589d1f458626acd74",
    "settings": {
      "fd_thres": 0.2,
      "testing": false
    },
    "software": "mriqc",
    "version": "22.0.0rc1",
    "webapi_port": null,
    "webapi_url": "https://mriqc.nimh.nih.gov/api/v1"
  },
  "size_t": 245,
  "size_x": 80,
  "size_y": 80,
  "size_z": 37,
  "snr": 5.571212812554292,
  "spacing_tr": 2.0,
  "spacing_x": 3.0,
  "spacing_y": 3.0,
  "spacing_z": 3.299999952316284,
  "summary_bg_k": 114.23984183783767,
  "summary_bg_mad": 66.50298432337826,
  "summary_bg_mean": 497.3155517578125,
  "summary_bg_median": 58.23097229003906,
  "summary_bg_n": 162232.0,
  "summary_bg_p05": 3.6965988993644716,
  "summary_bg_p95": 2462.0163696289014,
  "summary_bg_stdv": 1624.782470703125,
  "summary_fg_k": 1.4946476350343652,
  "summary_fg_mad": 4107.1382559107315,
  "summary_fg_mean": 24267.462890625,
  "summary_fg_median": 23825.359375,
  "summary_fg_n": 33969.0,
  "summary_fg_p05": 18462.562890625,
  "summary_fg_p95": 31665.881249999995,
  "summary_fg_stdv": 4276.44921875,
  "tsnr": 40.44087219238281
}