{
  "aor": 0.011715061728395062,
  "aqi": 0.0061828272222222225,
  "bids_meta": {
    "AcquisitionNumber": 8,
    "BidsifyVersion": "0.3.5",
    "ConversionSoftware": "dcm2niix",
    "ConversionSoftwareVersion": "v1.0.20181125  GCC6.3.0",
    "EchoTime": 0.02762,
    "EffectiveEchoSpacing": 0.0006621159151938905,
    "ImageComments": "Piop",
    "ImageOrientationPatientDICOM": [
      0.99482,
      0.0939317,
      -0.0388669,
      -0.0978935,
      0.988267,
      -0.117241
    ],
    "Manufacturer": "Philips",
    "NumberOfVolumesDiscardedByScanner": 2,
    "ParallelAcquisitionTechnique": "SENSE",
    "ParallelReductionFactorInPlane": 2,
    "PatientPosition": "HFS",
    "PhaseEncodingDirection": "j",
    "PhilipsRescaleIntercept": 0,
    "PhilipsRescaleSlope": 0.82882,
    "PhilipsScaleSlope": 0.0498244,
    "ProtocolName": "WIPpiopwmSENSE",
    "PulseSequenceType": "gradient echo EPI",
    "ReconMatrixPE": 80,
    "RepetitionTime": 2,
    "SeriesDescription": "ImageMRSERIES",
    "SeriesNumber": 8,
    "SliceEncodingDirection": "k",
    "SliceTiming": [
      0.0,
      0.0541,
      0.1081,
      0.1622,
      0.2162,
      0.2703,
      0.3243,
      0.3784,
      0.4324,
      0.4865,
      0.5405,
      0.5946,
      0.6486,
      0.7027,
      0.7568,
      0.8108,
      0.8649,
      0.9189,
      0.973,
      1.027,
      1.0811,
      1.1351,
      1.1892,
      1.2432,
      1.2973,
      1.3514,
      1.4054,
      1.4595,
      1.5135,
      1.5676,
      1.6216,
      1.6757,
      1.7297,
      1.7838,
      1.8378,
      1.8919,
      1.9459
    ],
    "TaskName": "workingmemory",
    "TotalReadoutTime": 0.025822520692561732,
    "UsePhilipsFloatNotDisplayScaling": 1,
    "acq_id": "seq",
    "dataset": "ds002785",
    "modality": "bold",
    "subject_id": "0145",
    "task_id": "workingmemory"
  },
  "dummy_trs": 0,
  "dvars_nstd": 29.848413396273283,
  "dvars_std": 1.591059516397516,
  "dvars_vstd": 1.117561701055901,
  "efc": 0.4153594861325948,
  "fber": 170953.96875,
  "fd_mean": 0.1753649174468313,
  "fd_num": 33,
  "fd_perc": 20.37037037037037,
  "fwhm_avg": 1.85238606914346,
  "fwhm_x": 1.7867066666666667,
  "fwhm_y": 1.9979333333333333,
  "fwhm_z": 1.7725182074303802,
  "gcor": 0.0314296,
  "gsr_x": -0.01941899210214615,
  "gsr_y": 0.014310103841125965,
  "provenance": {
    "md5sum": "e187dcb1762a989774fdf2d5c7da9f1d",
    "settings": {
      "fd_thres": 0.2,
      "testing": false
    },
    "software": "mriqc",
    "version": "22.0.0rc1",
    "webapi_port": null,
    "webapi_url": "https://mriqc.nimh.nih.gov/api/v1"
  },
  "size_t": 162,
  "size_x": 80,
  "size_y": 80,
  "size_z": 37,
  "snr": 5.441049419673929,
  "spacing_tr": 2.0,
  "spacing_x": 3.0,
  "spacing_y": 3.0,
  "spacing_z": 3.299999952316284,
  "summary_bg_k": 54.84865346899729,
  "summary_bg_mad": 73.84037050911935,
  "summary_bg_mean": 633.9533081054688,
  "summary_bg_median": 65.997802734375,
  "summary_bg_n": 161745.0,
  "summary_bg_p05": 3.96746826171875,
  "summary_bg_p95": 2983.803515624994,
  "summary_bg_stdv": 2084.687744140625,
  "summary_fg_k": 1.184416723615242,
  "summary_fg_mad": 4835.064092414944,
  "summary_fg_mean": 28444.234375,
  "summary_fg_median": 28016.265625,
  "summary_fg_n": 33857.0,
  "summary_fg_p05": 20761.669140625,
  "summary_fg_p95": 37202.663281249996,
  "summary_fg_stdv": 5148.9794921875,
  "tsnr": 67.84793090820312
}