{
  "aor": 0.0028281909547738693,
  "aqi": 0.009511792311557788,
  "bids_meta": {
    "AcquisitionNumber": 9,
    "BidsifyVersion": "0.3.5",
    "ConversionSoftware": "dcm2niix",
    "ConversionSoftwareVersion": "v1.0.20181125  GCC6.3.0",
    "EchoTime": 0.02762,
    "EffectiveEchoSpacing": 0.0006621159151938905,
    "ImageComments": "Piop",
    "ImageOrientationPatientDICOM": [
      0.99482,
      0.0939317,
      -0.0388669,
      -0.0978935,
      0.988267,
      -0.117241
    ],
    "Manufacturer": "Philips",
    "NumberOfVolumesDiscardedByScanner": 2,
    "ParallelAcquisitionTechnique": "SENSE",
    "ParallelReductionFactorInPlane": 2,
    "PatientPosition": "HFS",
    "PhaseEncodingDirection": "j",
    "PhilipsRescaleIntercept": 0,
    "PhilipsRescaleSlope": 0.8381,
    "PhilipsScaleSlope": 0.0460312,
    "ProtocolName": "WIPpiopanticipatieSENSE",
    "PulseSequenceType": "gradient echo EPI",
    "ReconMatrixPE": 80,
    "RepetitionTime": 2,
    "SeriesDescription": "ImageMRSERIES",
    "SeriesNumber": 9,
    "SliceEncodingDirection": "k",
    "SliceTiming": [
      0.0,
      0.0541,
      0.1081,
      0.1622,
      0.2162,
      0.2703,
      0.3243,
      0.3784,
      0.4324,
      0.4865,
      0.5405,
      0.5946,
      0.6486,
      0.7027,
      0.7568,
      0.8108,
      0.8649,
      0.9189,
      0.973,
      1.027,
      1.0811,
      1.1351,
      1.1892,
      1.2432,
      1.2973,
      1.3514,
      1.4054,
      1.4595,
      1.5135,
      1.5676,
      1.6216,
      1.6757,
      1.7297,
      1.7838,
      1.8378,
      1.8919,
      1.9459
    ],
    "TaskName": "anticipation",
    "TotalReadoutTime": 0.025822520692561732,
    "UsePhilipsFloatNotDisplayScaling": 1,
    "acq_id": "seq",
    "dataset": "ds002785",
    "modality": "bold",
    "subject_id": "0145",
    "task_id": "anticipation"
  },
  "dummy_trs": 1,
  "dvars_nstd": 26.498259284343433,
  "dvars_std": 1.361782315909091,
  "dvars_vstd": 0.9683142816666666,
  "efc": 0.41286137011161766,
  "fber": 175757.5,
  "fd_mean": 0.13031368857152154,
  "fd_num": 26,
  "fd_perc": 13.06532663316583,
  "fwhm_avg": 1.851968089241151,
  "fwhm_x": 1.7965266666666666,
  "fwhm_y": 2.00852,
  "fwhm_z": 1.7508576010567867,
  "gcor": 0.00854253,
  "gsr_x": -0.01927638240158558,
  "gsr_y": 0.014690562151372433,
  "provenance": {
    "md5sum": "13b832f97be0155d0cc50d493174d619",
    "settings": {
      "fd_thres": 0.2,
      "testing": false
    },
    "software": "mriqc",
    "version": "22.0.0rc1",
    "webapi_port": null,
    "webapi_url": "https://mriqc.nimh.nih.gov/api/v1"
  },
  "size_t": 199,
  "size_x": 80,
  "size_y": 80,
  "size_z": 37,
  "snr": 5.303503119642906,
  "spacing_tr": 2.0,
  "spacing_x": 3.0,
  "spacing_y": 3.0,
  "spacing_z": 3.299999952316284,
  "summary_bg_k": 58.028439113061424,
  "summary_bg_mad": 68.26667376974231,
  "summary_bg_mean": 635.4959106445312,
  "summary_bg_median": 64.98918914794922,
  "summary_bg_n": 162205.0,
  "summary_bg_p05": 4.737844085693359,
  "summary_bg_p95": 2940.303222656237,
  "summary_bg_stdv": 2111.248291015625,
  "summary_fg_k": 1.600852656279228,
  "summary_fg_mad": 4897.469483842706,
  "summary_fg_mean": 28480.37890625,
  "summary_fg_median": 27968.47265625,
  "summary_fg_n": 33465.0,
  "summary_fg_p05": 20819.75,
  "summary_fg_p95": 37367.8671875,
  "summary_fg_stdv": 5273.505859375,
  "tsnr": 58.829166412353516
}