{
  "aor": 0.0006504242424242424,
  "aqi": 0.006258480515151515,
  "bids_meta": {
    "AcquisitionNumber": 2,
    "BidsifyVersion": "0.3.5",
    "ConversionSoftware": "dcm2niix",
    "ConversionSoftwareVersion": "v1.0.20181125  GCC6.3.0",
    "EchoTime": 0.02762,
    "EffectiveEchoSpacing": 0.0006333282667071997,
    "ImageComments": "Piop",
    "ImageOrientationPatientDICOM": [
      0.99482,
      0.0939317,
      -0.0388669,
      -0.0978935,
      0.988267,
      -0.117241
    ],
    "Manufacturer": "Philips",
    "NumberOfVolumesDiscardedByScanner": 2,
    "ParallelAcquisitionTechnique": "SENSE",
    "ParallelReductionFactorInPlane": 2,
    "PatientPosition": "HFS",
    "PhaseEncodingDirection": "j",
    "PhilipsRescaleIntercept": 0,
    "PhilipsRescaleSlope": 0.76459,
    "PhilipsScaleSlope": 0.0915353,
    "ProtocolName": "WIPpiopfacesSENSE",
    "PulseSequenceType": "gradient echo EPI",
    "ReconMatrixPE": 80,
    "RepetitionTime": 0.75,
    "SeriesDescription": "ImageMRSERIES",
    "SeriesNumber": 2,
    "SliceEncodingDirection": "k",
    "SliceTiming": [
      0.0,
      0.06755050505050506,
      0.1351010101010101,
      0.20265151515151517,
      0.2702020202020202,
      0.3377525252525253,
      0.40530303030303033,
      0.47285353535353536,
      0.5404040404040404,
      0.6079545454545455,
      0.6755050505050506,
      0.7430555555555556,
      0.0,
      0.06755050505050506,
      0.1351010101010101,
      0.20265151515151517,
      0.2702020202020202,
      0.3377525252525253,
      0.40530303030303033,
      0.47285353535353536,
      0.5404040404040404,
      0.6079545454545455,
      0.6755050505050506,
      0.7430555555555556,
      0.0,
      0.06755050505050506,
      0.1351010101010101,
      0.20265151515151517,
      0.2702020202020202,
      0.3377525252525253,
      0.40530303030303033,
      0.47285353535353536,
      0.5404040404040404,
      0.6079545454545455,
      0.6755050505050506,
      0.7430555555555556
    ],
    "TaskName": "faces",
    "TotalReadoutTime": 0.024699802401580786,
    "UsePhilipsFloatNotDisplayScaling": 1,
    "acq_id": "mb3",
    "dataset": "ds002785",
    "modality": "bold",
    "subject_id": "0145",
    "task_id": "faces"
  },
  "dummy_trs": 0,
  "dvars_nstd": 26.13434338200608,
  "dvars_std": 1.3059370274772046,
  "dvars_vstd": 1.0073651509422483,
  "efc": 0.42229650993911777,
  "fber": 170679.25,
  "fd_mean": 0.11395846005330004,
  "fd_num": 13,
  "fd_perc": 3.9393939393939394,
  "fwhm_avg": 2.090944802794343,
  "fwhm_x": 2.08166,
  "fwhm_y": 2.27695,
  "fwhm_z": 1.914224408383029,
  "gcor": 0.0114907,
  "gsr_x": -0.02230704389512539,
  "gsr_y": 0.014064264483749866,
  "provenance": {
    "md5sum": "435a73051c20fcc7744b7f6f7424eaac",
    "settings": {
      "fd_thres": 0.2,
      "testing": false
    },
    "software": "mriqc",
    "version": "22.0.0rc1",
    "webapi_port": null,
    "webapi_url": "https://mriqc.nimh.nih.gov/api/v1"
  },
  "size_t": 330,
  "size_x": 80,
  "size_y": 80,
  "size_z": 36,
  "snr": 6.3944612739030475,
  "spacing_tr": 0.75,
  "spacing_x": 3.0,
  "spacing_y": 3.0,
  "spacing_z": 3.299999713897705,
  "summary_bg_k": 44.69181936775701,
  "summary_bg_mad": 48.16744458566414,
  "summary_bg_mean": 455.31732177734375,
  "summary_bg_median": 45.59819030761719,
  "summary_bg_n": 156994.0,
  "summary_bg_p05": 3.615487384796143,
  "summary_bg_p95": 2145.2446777343753,
  "summary_bg_stdv": 1401.96337890625,
  "summary_fg_k": 0.508370538759245,
  "summary_fg_mad": 2832.4623114281662,
  "summary_fg_mean": 19301.517578125,
  "summary_fg_median": 19209.763671875,
  "summary_fg_n": 32949.0,
  "summary_fg_p05": 14463.733203125,
  "summary_fg_p95": 24272.81484375,
  "summary_fg_stdv": 3004.079833984375,
  "tsnr": 68.41658020019531
}