{
  "aor": 0.0006411851851851852,
  "aqi": 0.0022621743703703703,
  "bids_meta": {
    "AcquisitionNumber": 5,
    "BidsifyVersion": "0.3.5",
    "ConversionSoftware": "dcm2niix",
    "ConversionSoftwareVersion": "v1.0.20181125  GCC6.3.0",
    "EchoTime": 0.02762,
    "EffectiveEchoSpacing": 0.0006621159151938905,
    "ImageComments": "piop",
    "ImageOrientationPatientDICOM": [
      0.998771,
      0.0390673,
      -0.0305025,
      -0.0436073,
      0.985142,
      -0.166113
    ],
    "Manufacturer": "Philips",
    "NumberOfVolumesDiscardedByScanner": 2,
    "ParallelAcquisitionTechnique": "SENSE",
    "ParallelReductionFactorInPlane": 2,
    "PatientPosition": "HFS",
    "PhaseEncodingDirection": "j",
    "PhilipsRescaleIntercept": 0,
    "PhilipsRescaleSlope": 0.79878,
    "PhilipsScaleSlope": 0.0460962,
    "ProtocolName": "WIPpiopharririSENSE",
    "PulseSequenceType": "gradient echo EPI",
    "ReconMatrixPE": 80,
    "RepetitionTime": 2,
    "SeriesDescription": "ImageMRSERIES",
    "SeriesNumber": 5,
    "SliceEncodingDirection": "k",
    "SliceTiming": [
      0.0,
      0.0541,
      0.1081,
      0.1622,
      0.2162,
      0.2703,
      0.3243,
      0.3784,
      0.4324,
      0.4865,
      0.5405,
      0.5946,
      0.6486,
      0.7027,
      0.7568,
      0.8108,
      0.8649,
      0.9189,
      0.973,
      1.027,
      1.0811,
      1.1351,
      1.1892,
      1.2432,
      1.2973,
      1.3514,
      1.4054,
      1.4595,
      1.5135,
      1.5676,
      1.6216,
      1.6757,
      1.7297,
      1.7838,
      1.8378,
      1.8919,
      1.9459
    ],
    "TaskName": "emomatching",
    "TotalReadoutTime": 0.025822520692561732,
    "UsePhilipsFloatNotDisplayScaling": 1,
    "acq_id": "seq",
    "dataset": "ds002785",
    "modality": "bold",
    "subject_id": "0170",
    "task_id": "emomatching"
  },
  "dummy_trs": 0,
  "dvars_nstd": 13.903693305597008,
  "dvars_std": 1.0791444155970153,
  "dvars_vstd": 0.9968764078358209,
  "efc": 0.41223791546897126,
  "fber": 157931.546875,
  "fd_mean": 0.07011172284531636,
  "fd_num": 0,
  "fd_perc": 0.0,
  "fwhm_avg": 1.8965079885964793,
  "fwhm_x": 1.8279100000000001,
  "fwhm_y": 2.0348866666666665,
  "fwhm_z": 1.8267272991227714,
  "gcor": 0.013545,
  "gsr_x": -0.015287021175026894,
  "gsr_y": 0.017587419599294662,
  "provenance": {
    "md5sum": "c6fb41d407d2e9ebae3dfba0d2fa8bc4",
    "settings": {
      "fd_thres": 0.2,
      "testing": false
    },
    "software": "mriqc",
    "version": "22.0.0rc1",
    "webapi_port": null,
    "webapi_url": "https://mriqc.nimh.nih.gov/api/v1"
  },
  "size_t": 135,
  "size_x": 80,
  "size_y": 80,
  "size_z": 37,
  "snr": 5.6369862688436445,
  "spacing_tr": 2.0,
  "spacing_x": 3.0,
  "spacing_y": 3.0,
  "spacing_z": 3.299999952316284,
  "summary_bg_k": 66.34137760344154,
  "summary_bg_mad": 66.88709822098085,
  "summary_bg_mean": 531.67529296875,
  "summary_bg_median": 67.80291748046875,
  "summary_bg_n": 161679.0,
  "summary_bg_p05": 4.244256067276002,
  "summary_bg_p95": 2692.0047119140636,
  "summary_bg_stdv": 1564.082763671875,
  "summary_fg_k": 1.1364971495171856,
  "summary_fg_mad": 4656.494500601301,
  "summary_fg_mean": 28075.23828125,
  "summary_fg_median": 27665.880859375,
  "summary_fg_n": 33883.0,
  "summary_fg_p05": 20855.304296875,
  "summary_fg_p95": 36426.3453125,
  "summary_fg_stdv": 4907.84814453125,
  "tsnr": 102.5593032836914
}