{
  "aor": 0.001036751592356688,
  "aqi": 0.0021173075796178343,
  "bids_meta": {
    "AcquisitionNumber": 8,
    "BidsifyVersion": "0.3.5",
    "ConversionSoftware": "dcm2niix",
    "ConversionSoftwareVersion": "v1.0.20181125  GCC6.3.0",
    "EchoTime": 0.02762,
    "EffectiveEchoSpacing": 0.0006621159151938905,
    "ImageComments": "piop",
    "ImageOrientationPatientDICOM": [
      0.998771,
      0.0390673,
      -0.0305025,
      -0.0436073,
      0.985142,
      -0.166113
    ],
    "Manufacturer": "Philips",
    "NumberOfVolumesDiscardedByScanner": 2,
    "ParallelAcquisitionTechnique": "SENSE",
    "ParallelReductionFactorInPlane": 2,
    "PatientPosition": "HFS",
    "PhaseEncodingDirection": "j",
    "PhilipsRescaleIntercept": 0,
    "PhilipsRescaleSlope": 0.75311,
    "PhilipsScaleSlope": 0.0486556,
    "ProtocolName": "WIPpiopwmSENSE",
    "PulseSequenceType": "gradient echo EPI",
    "ReconMatrixPE": 80,
    "RepetitionTime": 2,
    "SeriesDescription": "ImageMRSERIES",
    "SeriesNumber": 8,
    "SliceEncodingDirection": "k",
    "SliceTiming": [
      0.0,
      0.0541,
      0.1081,
      0.1622,
      0.2162,
      0.2703,
      0.3243,
      0.3784,
      0.4324,
      0.4865,
      0.5405,
      0.5946,
      0.6486,
      0.7027,
      0.7568,
      0.8108,
      0.8649,
      0.9189,
      0.973,
      1.027,
      1.0811,
      1.1351,
      1.1892,
      1.2432,
      1.2973,
      1.3514,
      1.4054,
      1.4595,
      1.5135,
      1.5676,
      1.6216,
      1.6757,
      1.7297,
      1.7838,
      1.8378,
      1.8919,
      1.9459
    ],
    "TaskName": "workingmemory",
    "TotalReadoutTime": 0.025822520692561732,
    "UsePhilipsFloatNotDisplayScaling": 1,
    "acq_id": "seq",
    "dataset": "ds002785",
    "modality": "bold",
    "subject_id": "0170",
    "task_id": "workingmemory"
  },
  "dummy_trs": 5,
  "dvars_nstd": 13.583607300641033,
  "dvars_std": 1.0832979066025643,
  "dvars_vstd": 1.0087601328846154,
  "efc": 0.41361974847976335,
  "fber": 154438.09375,
  "fd_mean": 0.0723013884418103,
  "fd_num": 0,
  "fd_perc": 0.0,
  "fwhm_avg": 1.904716776574342,
  "fwhm_x": 1.83298,
  "fwhm_y": 2.033873333333333,
  "fwhm_z": 1.8472969963896924,
  "gcor": 0.0136893,
  "gsr_x": -0.015093834139406681,
  "gsr_y": 0.017200978472828865,
  "provenance": {
    "md5sum": "e15213ade75ab72fc8dedeeb6b938ea3",
    "settings": {
      "fd_thres": 0.2,
      "testing": false
    },
    "software": "mriqc",
    "version": "22.0.0rc1",
    "webapi_port": null,
    "webapi_url": "https://mriqc.nimh.nih.gov/api/v1"
  },
  "size_t": 157,
  "size_x": 80,
  "size_y": 80,
  "size_z": 37,
  "snr": 5.5705626267761925,
  "spacing_tr": 2.0,
  "spacing_x": 3.0,
  "spacing_y": 3.0,
  "spacing_z": 3.299999952316284,
  "summary_bg_k": 69.6861310584314,
  "summary_bg_mad": 67.25962646091206,
  "summary_bg_mean": 527.8466796875,
  "summary_bg_median": 66.72422790527344,
  "summary_bg_n": 161437.0,
  "summary_bg_p05": 4.520021152496338,
  "summary_bg_p95": 2693.7225585937435,
  "summary_bg_stdv": 1548.11767578125,
  "summary_fg_k": 1.2695378772045078,
  "summary_fg_mad": 4577.453269827221,
  "summary_fg_mean": 27387.83984375,
  "summary_fg_median": 26962.130859375,
  "summary_fg_n": 34079.0,
  "summary_fg_p05": 20307.1859375,
  "summary_fg_p95": 35613.4375,
  "summary_fg_stdv": 4840.0380859375,
  "tsnr": 102.65473175048828
}