{
  "aor": 0.00038063636363636365,
  "aqi": 0.004284451909090909,
  "bids_meta": {
    "AcquisitionNumber": 2,
    "BidsifyVersion": "0.3.5",
    "ConversionSoftware": "dcm2niix",
    "ConversionSoftwareVersion": "v1.0.20181125  GCC6.3.0",
    "EchoTime": 0.02762,
    "EffectiveEchoSpacing": 0.0006333282667071997,
    "ImageComments": "piop",
    "ImageOrientationPatientDICOM": [
      0.998771,
      0.0390673,
      -0.0305025,
      -0.0436073,
      0.985142,
      -0.166113
    ],
    "Manufacturer": "Philips",
    "NumberOfVolumesDiscardedByScanner": 2,
    "ParallelAcquisitionTechnique": "SENSE",
    "ParallelReductionFactorInPlane": 2,
    "PatientPosition": "HFS",
    "PhaseEncodingDirection": "j",
    "PhilipsRescaleIntercept": 0,
    "PhilipsRescaleSlope": 0.77485,
    "PhilipsScaleSlope": 0.0949629,
    "ProtocolName": "WIPpiopfacesSENSE",
    "PulseSequenceType": "gradient echo EPI",
    "ReconMatrixPE": 80,
    "RepetitionTime": 0.75,
    "SeriesDescription": "ImageMRSERIES",
    "SeriesNumber": 2,
    "SliceEncodingDirection": "k",
    "SliceTiming": [
      0.0,
      0.06755050505050506,
      0.1351010101010101,
      0.20265151515151517,
      0.2702020202020202,
      0.3377525252525253,
      0.40530303030303033,
      0.47285353535353536,
      0.5404040404040404,
      0.6079545454545455,
      0.6755050505050506,
      0.7430555555555556,
      0.0,
      0.06755050505050506,
      0.1351010101010101,
      0.20265151515151517,
      0.2702020202020202,
      0.3377525252525253,
      0.40530303030303033,
      0.47285353535353536,
      0.5404040404040404,
      0.6079545454545455,
      0.6755050505050506,
      0.7430555555555556,
      0.0,
      0.06755050505050506,
      0.1351010101010101,
      0.20265151515151517,
      0.2702020202020202,
      0.3377525252525253,
      0.40530303030303033,
      0.47285353535353536,
      0.5404040404040404,
      0.6079545454545455,
      0.6755050505050506,
      0.7430555555555556
    ],
    "TaskName": "faces",
    "TotalReadoutTime": 0.024699802401580786,
    "UsePhilipsFloatNotDisplayScaling": 1,
    "acq_id": "mb3",
    "dataset": "ds002785",
    "modality": "bold",
    "subject_id": "0170",
    "task_id": "faces"
  },
  "dummy_trs": 0,
  "dvars_nstd": 21.83602197416414,
  "dvars_std": 1.092045213981762,
  "dvars_vstd": 1.0083450095744686,
  "efc": 0.4166533140373218,
  "fber": 161485.46875,
  "fd_mean": 0.06712087091382951,
  "fd_num": 0,
  "fd_perc": 0.0,
  "fwhm_avg": 2.0038796051680703,
  "fwhm_x": 1.9658566666666666,
  "fwhm_y": 2.1339366666666666,
  "fwhm_z": 1.911845482170878,
  "gcor": 0.0234192,
  "gsr_x": -0.018350908532738686,
  "gsr_y": 0.016164731234312057,
  "provenance": {
    "md5sum": "4f43ab29329d13acd8395fa5d652ba3f",
    "settings": {
      "fd_thres": 0.2,
      "testing": false
    },
    "software": "mriqc",
    "version": "22.0.0rc1",
    "webapi_port": null,
    "webapi_url": "https://mriqc.nimh.nih.gov/api/v1"
  },
  "size_t": 330,
  "size_x": 80,
  "size_y": 80,
  "size_z": 36,
  "snr": 6.1549904964693996,
  "spacing_tr": 0.75,
  "spacing_x": 3.0,
  "spacing_y": 3.0,
  "spacing_z": 3.299999952316284,
  "summary_bg_k": 50.377734102201245,
  "summary_bg_mad": 48.62264258707444,
  "summary_bg_mean": 372.0627746582031,
  "summary_bg_median": 45.82835388183594,
  "summary_bg_n": 156882.0,
  "summary_bg_p05": 3.031002700328827,
  "summary_bg_p95": 1874.1043457031114,
  "summary_bg_stdv": 1046.14208984375,
  "summary_fg_k": 0.34042829609696224,
  "summary_fg_mad": 3027.5432271674317,
  "summary_fg_mean": 18959.9765625,
  "summary_fg_median": 18926.642578125,
  "summary_fg_n": 32947.0,
  "summary_fg_p05": 13981.262890625,
  "summary_fg_p95": 23954.376757812497,
  "summary_fg_stdv": 3074.9609375,
  "tsnr": 68.55853271484375
}