{
  "aor": 0.0002770625,
  "aqi": 0.004754525729166666,
  "bids_meta": {
    "AcquisitionNumber": 6,
    "BidsifyVersion": "0.3.5",
    "ConversionSoftware": "dcm2niix",
    "ConversionSoftwareVersion": "v1.0.20181125  GCC6.3.0",
    "EchoTime": 0.02762,
    "EffectiveEchoSpacing": 0.0006333282667071997,
    "ImageComments": "piop",
    "ImageOrientationPatientDICOM": [
      0.998771,
      0.0390673,
      -0.0305025,
      -0.0436073,
      0.985142,
      -0.166113
    ],
    "Manufacturer": "Philips",
    "NumberOfVolumesDiscardedByScanner": 2,
    "ParallelAcquisitionTechnique": "SENSE",
    "ParallelReductionFactorInPlane": 2,
    "PatientPosition": "HFS",
    "PhaseEncodingDirection": "j",
    "PhilipsRescaleIntercept": 0,
    "PhilipsRescaleSlope": 0.79292,
    "PhilipsScaleSlope": 0.0949579,
    "ProtocolName": "WIPpioprsSENSE",
    "PulseSequenceType": "gradient echo EPI",
    "ReconMatrixPE": 80,
    "RepetitionTime": 0.75,
    "SeriesDescription": "ImageMRSERIES",
    "SeriesNumber": 6,
    "SliceEncodingDirection": "k",
    "SliceTiming": [
      0.0,
      0.06755050505050506,
      0.1351010101010101,
      0.20265151515151517,
      0.2702020202020202,
      0.3377525252525253,
      0.40530303030303033,
      0.47285353535353536,
      0.5404040404040404,
      0.6079545454545455,
      0.6755050505050506,
      0.7430555555555556,
      0.0,
      0.06755050505050506,
      0.1351010101010101,
      0.20265151515151517,
      0.2702020202020202,
      0.3377525252525253,
      0.40530303030303033,
      0.47285353535353536,
      0.5404040404040404,
      0.6079545454545455,
      0.6755050505050506,
      0.7430555555555556,
      0.0,
      0.06755050505050506,
      0.1351010101010101,
      0.20265151515151517,
      0.2702020202020202,
      0.3377525252525253,
      0.40530303030303033,
      0.47285353535353536,
      0.5404040404040404,
      0.6079545454545455,
      0.6755050505050506,
      0.7430555555555556
    ],
    "TaskName": "restingstate",
    "TotalReadoutTime": 0.024699802401580786,
    "UsePhilipsFloatNotDisplayScaling": 1,
    "acq_id": "mb3",
    "dataset": "ds002785",
    "modality": "bold",
    "subject_id": "0170",
    "task_id": "restingstate"
  },
  "dummy_trs": 0,
  "dvars_nstd": 22.242708524822525,
  "dvars_std": 1.0911957674112742,
  "dvars_vstd": 1.0020284922129428,
  "efc": 0.4170868641910957,
  "fber": 163084.09375,
  "fd_mean": 0.07233243966858419,
  "fd_num": 0,
  "fd_perc": 0.0,
  "fwhm_avg": 2.0181939486460982,
  "fwhm_x": 1.9720233333333335,
  "fwhm_y": 2.1616433333333336,
  "fwhm_z": 1.9209151792716281,
  "gcor": 0.0184072,
  "gsr_x": -0.018129829317331314,
  "gsr_y": 0.016142824664711952,
  "provenance": {
    "md5sum": "f036e820a0aad35ce0f14911af752388",
    "settings": {
      "fd_thres": 0.2,
      "testing": false
    },
    "software": "mriqc",
    "version": "22.0.0rc1",
    "webapi_port": null,
    "webapi_url": "https://mriqc.nimh.nih.gov/api/v1"
  },
  "size_t": 480,
  "size_x": 80,
  "size_y": 80,
  "size_z": 36,
  "snr": 6.19197030721147,
  "spacing_tr": 0.75,
  "spacing_x": 3.0,
  "spacing_y": 3.0,
  "spacing_z": 3.299999952316284,
  "summary_bg_k": 48.12542453605185,
  "summary_bg_mad": 49.470429520512795,
  "summary_bg_mean": 383.3841857910156,
  "summary_bg_median": 45.974735260009766,
  "summary_bg_n": 156944.0,
  "summary_bg_p05": 3.0459565520286564,
  "summary_bg_p95": 1964.3426269531276,
  "summary_bg_stdv": 1058.1778564453125,
  "summary_fg_k": 0.3504572837366,
  "summary_fg_mad": 3057.7744130291476,
  "summary_fg_mean": 19084.779296875,
  "summary_fg_median": 19083.990234375,
  "summary_fg_n": 32975.0,
  "summary_fg_p05": 14047.7001953125,
  "summary_fg_p95": 24073.863085937497,
  "summary_fg_stdv": 3082.0078125,
  "tsnr": 65.37493896484375
}