{
  "aor": 0.0007297037037037037,
  "aqi": 0.002770455925925926,
  "bids_meta": {
    "AcquisitionNumber": 5,
    "BidsifyVersion": "0.3.5",
    "ConversionSoftware": "dcm2niix",
    "ConversionSoftwareVersion": "v1.0.20181125  GCC6.3.0",
    "EchoTime": 0.02762,
    "EffectiveEchoSpacing": 0.0006621159151938905,
    "ImageComments": "PIOP",
    "ImageOrientationPatientDICOM": [
      0.999487,
      -0.0223992,
      -0.022877,
      0.0153522,
      0.962319,
      -0.271488
    ],
    "Manufacturer": "Philips",
    "NumberOfVolumesDiscardedByScanner": 2,
    "ParallelAcquisitionTechnique": "SENSE",
    "ParallelReductionFactorInPlane": 2,
    "PatientPosition": "HFS",
    "PhaseEncodingDirection": "j",
    "PhilipsRescaleIntercept": 0,
    "PhilipsRescaleSlope": 0.81636,
    "PhilipsScaleSlope": 0.0677986,
    "ProtocolName": "WIPpiopharririSENSE",
    "PulseSequenceType": "gradient echo EPI",
    "ReconMatrixPE": 80,
    "RepetitionTime": 2,
    "SeriesDescription": "ImageMRSERIES",
    "SeriesNumber": 5,
    "SliceEncodingDirection": "k",
    "SliceTiming": [
      0.0,
      0.0541,
      0.1081,
      0.1622,
      0.2162,
      0.2703,
      0.3243,
      0.3784,
      0.4324,
      0.4865,
      0.5405,
      0.5946,
      0.6486,
      0.7027,
      0.7568,
      0.8108,
      0.8649,
      0.9189,
      0.973,
      1.027,
      1.0811,
      1.1351,
      1.1892,
      1.2432,
      1.2973,
      1.3514,
      1.4054,
      1.4595,
      1.5135,
      1.5676,
      1.6216,
      1.6757,
      1.7297,
      1.7838,
      1.8378,
      1.8919,
      1.9459
    ],
    "TaskName": "emomatching",
    "TotalReadoutTime": 0.025822520692561732,
    "UsePhilipsFloatNotDisplayScaling": 1,
    "acq_id": "seq",
    "dataset": "ds002785",
    "modality": "bold",
    "subject_id": "0164",
    "task_id": "emomatching"
  },
  "dummy_trs": 0,
  "dvars_nstd": 20.285449341044778,
  "dvars_std": 1.2380861597014925,
  "dvars_vstd": 1.0061847061940299,
  "efc": 0.44477533135250247,
  "fber": 159884.859375,
  "fd_mean": 0.08226873309186436,
  "fd_num": 2,
  "fd_perc": 1.4814814814814814,
  "fwhm_avg": 1.8003279882283352,
  "fwhm_x": 1.7999166666666666,
  "fwhm_y": 1.8507733333333334,
  "fwhm_z": 1.750293964685006,
  "gcor": 0.0195335,
  "gsr_x": -0.009101985022425652,
  "gsr_y": 0.010717012919485569,
  "provenance": {
    "md5sum": "d60ce494b5647b3fa500464af24091aa",
    "settings": {
      "fd_thres": 0.2,
      "testing": false
    },
    "software": "mriqc",
    "version": "22.0.0rc1",
    "webapi_port": null,
    "webapi_url": "https://mriqc.nimh.nih.gov/api/v1"
  },
  "size_t": 135,
  "size_x": 80,
  "size_y": 80,
  "size_z": 37,
  "snr": 5.40095150903028,
  "spacing_tr": 2.0,
  "spacing_x": 3.0,
  "spacing_y": 3.0,
  "spacing_z": 3.299999952316284,
  "summary_bg_k": 59.714805950277636,
  "summary_bg_mad": 55.33026825052292,
  "summary_bg_mean": 511.45770263671875,
  "summary_bg_median": 51.10601806640625,
  "summary_bg_n": 155354.0,
  "summary_bg_p05": 4.283354020118714,
  "summary_bg_p95": 2696.400463867188,
  "summary_bg_stdv": 1492.775146484375,
  "summary_fg_k": 1.2253399004439691,
  "summary_fg_mad": 3643.4095286075053,
  "summary_fg_mean": 21310.96484375,
  "summary_fg_median": 20855.94140625,
  "summary_fg_n": 39196.0,
  "summary_fg_p05": 15840.488037109375,
  "summary_fg_p95": 27865.42236328125,
  "summary_fg_stdv": 3861.481689453125,
  "tsnr": 93.46678924560547
}