{
  "aor": 0.00058925,
  "aqi": 0.0038507896,
  "bids_meta": {
    "AcquisitionNumber": 9,
    "BidsifyVersion": "0.3.5",
    "ConversionSoftware": "dcm2niix",
    "ConversionSoftwareVersion": "v1.0.20181125  GCC6.3.0",
    "EchoTime": 0.02762,
    "EffectiveEchoSpacing": 0.0006621159151938905,
    "ImageComments": "PIOP",
    "ImageOrientationPatientDICOM": [
      0.999487,
      -0.0223992,
      -0.022877,
      0.0153522,
      0.962319,
      -0.271488
    ],
    "Manufacturer": "Philips",
    "NumberOfVolumesDiscardedByScanner": 2,
    "ParallelAcquisitionTechnique": "SENSE",
    "ParallelReductionFactorInPlane": 2,
    "PatientPosition": "HFS",
    "PhaseEncodingDirection": "j",
    "PhilipsRescaleIntercept": 0,
    "PhilipsRescaleSlope": 0.82613,
    "PhilipsScaleSlope": 0.0687457,
    "ProtocolName": "WIPpiopanticipatieSENSE",
    "PulseSequenceType": "gradient echo EPI",
    "ReconMatrixPE": 80,
    "RepetitionTime": 2,
    "SeriesDescription": "ImageMRSERIES",
    "SeriesNumber": 9,
    "SliceEncodingDirection": "k",
    "SliceTiming": [
      0.0,
      0.0541,
      0.1081,
      0.1622,
      0.2162,
      0.2703,
      0.3243,
      0.3784,
      0.4324,
      0.4865,
      0.5405,
      0.5946,
      0.6486,
      0.7027,
      0.7568,
      0.8108,
      0.8649,
      0.9189,
      0.973,
      1.027,
      1.0811,
      1.1351,
      1.1892,
      1.2432,
      1.2973,
      1.3514,
      1.4054,
      1.4595,
      1.5135,
      1.5676,
      1.6216,
      1.6757,
      1.7297,
      1.7838,
      1.8378,
      1.8919,
      1.9459
    ],
    "TaskName": "anticipation",
    "TotalReadoutTime": 0.025822520692561732,
    "UsePhilipsFloatNotDisplayScaling": 1,
    "acq_id": "seq",
    "dataset": "ds002785",
    "modality": "bold",
    "subject_id": "0164",
    "task_id": "anticipation"
  },
  "dummy_trs": 0,
  "dvars_nstd": 19.85257426698492,
  "dvars_std": 1.191676140100503,
  "dvars_vstd": 0.9844029353768842,
  "efc": 0.4457995435151489,
  "fber": 160307.21875,
  "fd_mean": 0.0909318356688,
  "fd_num": 4,
  "fd_perc": 2.0,
  "fwhm_avg": 1.8074359680657814,
  "fwhm_x": 1.8076299999999998,
  "fwhm_y": 1.85619,
  "fwhm_z": 1.7584879041973445,
  "gcor": 0.0156543,
  "gsr_x": -0.009266318753361702,
  "gsr_y": 0.01080558355897665,
  "provenance": {
    "md5sum": "542778b39a379fdfb0188e8e28b38d06",
    "settings": {
      "fd_thres": 0.2,
      "testing": false
    },
    "software": "mriqc",
    "version": "22.0.0rc1",
    "webapi_port": null,
    "webapi_url": "https://mriqc.nimh.nih.gov/api/v1"
  },
  "size_t": 200,
  "size_x": 80,
  "size_y": 80,
  "size_z": 37,
  "snr": 5.40095831980515,
  "spacing_tr": 2.0,
  "spacing_x": 3.0,
  "spacing_y": 3.0,
  "spacing_z": 3.299999952316284,
  "summary_bg_k": 55.847456559740024,
  "summary_bg_mad": 54.30622067869389,
  "summary_bg_mean": 514.1248168945312,
  "summary_bg_median": 50.1224365234375,
  "summary_bg_n": 155313.0,
  "summary_bg_p05": 4.456509876251222,
  "summary_bg_p95": 2731.2311523437497,
  "summary_bg_stdv": 1479.525390625,
  "summary_fg_k": 1.20713924693269,
  "summary_fg_mad": 3591.0203892770296,
  "summary_fg_mean": 20962.634765625,
  "summary_fg_median": 20523.10546875,
  "summary_fg_n": 39226.0,
  "summary_fg_p05": 15579.082763671875,
  "summary_fg_p95": 27417.10693359375,
  "summary_fg_stdv": 3799.852294921875,
  "tsnr": 82.52399444580078
}