{
  "aor": 0.0011157777777777776,
  "aqi": 0.00334183237037037,
  "bids_meta": {
    "AcquisitionNumber": 5,
    "BidsifyVersion": "0.3.5",
    "ConversionSoftware": "dcm2niix",
    "ConversionSoftwareVersion": "v1.0.20181125  GCC6.3.0",
    "EchoTime": 0.02762,
    "EffectiveEchoSpacing": 0.0006621159151938905,
    "ImageComments": "piop",
    "ImageOrientationPatientDICOM": [
      0.99593,
      0.0849604,
      0.0300828,
      -0.0771572,
      0.976209,
      -0.202639
    ],
    "Manufacturer": "Philips",
    "NumberOfVolumesDiscardedByScanner": 2,
    "ParallelAcquisitionTechnique": "SENSE",
    "ParallelReductionFactorInPlane": 2,
    "PatientPosition": "HFS",
    "PhaseEncodingDirection": "j",
    "PhilipsRescaleIntercept": 0,
    "PhilipsRescaleSlope": 0.76386,
    "PhilipsScaleSlope": 0.0620302,
    "ProtocolName": "WIPpiopharririSENSE",
    "PulseSequenceType": "gradient echo EPI",
    "ReconMatrixPE": 80,
    "RepetitionTime": 2,
    "SeriesDescription": "ImageMRSERIES",
    "SeriesNumber": 5,
    "SliceEncodingDirection": "k",
    "SliceTiming": [
      0.0,
      0.0541,
      0.1081,
      0.1622,
      0.2162,
      0.2703,
      0.3243,
      0.3784,
      0.4324,
      0.4865,
      0.5405,
      0.5946,
      0.6486,
      0.7027,
      0.7568,
      0.8108,
      0.8649,
      0.9189,
      0.973,
      1.027,
      1.0811,
      1.1351,
      1.1892,
      1.2432,
      1.2973,
      1.3514,
      1.4054,
      1.4595,
      1.5135,
      1.5676,
      1.6216,
      1.6757,
      1.7297,
      1.7838,
      1.8378,
      1.8919,
      1.9459
    ],
    "TaskName": "emomatching",
    "TotalReadoutTime": 0.025822520692561732,
    "UsePhilipsFloatNotDisplayScaling": 1,
    "acq_id": "seq",
    "dataset": "ds002785",
    "modality": "bold",
    "subject_id": "0194",
    "task_id": "emomatching"
  },
  "dummy_trs": 0,
  "dvars_nstd": 24.216796149552234,
  "dvars_std": 1.332829272014925,
  "dvars_vstd": 1.013422954328358,
  "efc": 0.4057455220190171,
  "fber": 145101.859375,
  "fd_mean": 0.09478552585278521,
  "fd_num": 3,
  "fd_perc": 2.2222222222222223,
  "fwhm_avg": 1.9739616252224126,
  "fwhm_x": 1.9319499999999998,
  "fwhm_y": 2.10875,
  "fwhm_z": 1.8811848756672378,
  "gcor": 0.0199841,
  "gsr_x": -0.023325175046920776,
  "gsr_y": 0.021659141406416893,
  "provenance": {
    "md5sum": "598054c0def63df95a5943fdc53e48f0",
    "settings": {
      "fd_thres": 0.2,
      "testing": false
    },
    "software": "mriqc",
    "version": "22.0.0rc1",
    "webapi_port": null,
    "webapi_url": "https://mriqc.nimh.nih.gov/api/v1"
  },
  "size_t": 135,
  "size_x": 80,
  "size_y": 80,
  "size_z": 37,
  "snr": 4.701889673823416,
  "spacing_tr": 2.0,
  "spacing_x": 3.0,
  "spacing_y": 3.0,
  "spacing_z": 3.299999952316284,
  "summary_bg_k": 109.37570469328713,
  "summary_bg_mad": 54.42598532934038,
  "summary_bg_mean": 446.6947326660156,
  "summary_bg_median": 55.29252243041992,
  "summary_bg_n": 163166.0,
  "summary_bg_p05": 4.057544231414795,
  "summary_bg_p95": 2341.0281982421875,
  "summary_bg_stdv": 1440.1468505859375,
  "summary_fg_k": 0.9924361668178769,
  "summary_fg_mad": 4398.7794325450905,
  "summary_fg_mean": 22256.7265625,
  "summary_fg_median": 21758.0546875,
  "summary_fg_n": 32405.0,
  "summary_fg_p05": 15526.96015625,
  "summary_fg_p95": 30153.419531249998,
  "summary_fg_stdv": 4627.44140625,
  "tsnr": 83.68331909179688
}