{
  "aor": 0.0002871428571428571,
  "aqi": 0.00656618914893617,
  "bids_meta": {
    "AcquisitionNumber": 2,
    "BidsifyVersion": "0.3.5",
    "ConversionSoftware": "dcm2niix",
    "ConversionSoftwareVersion": "v1.0.20181125  GCC6.3.0",
    "EchoTime": 0.02762,
    "EffectiveEchoSpacing": 0.0006333282667071997,
    "ImageComments": "piop",
    "ImageOrientationPatientDICOM": [
      0.99593,
      0.0849604,
      0.0300828,
      -0.0771572,
      0.976209,
      -0.202639
    ],
    "Manufacturer": "Philips",
    "NumberOfVolumesDiscardedByScanner": 2,
    "ParallelAcquisitionTechnique": "SENSE",
    "ParallelReductionFactorInPlane": 2,
    "PatientPosition": "HFS",
    "PhaseEncodingDirection": "j",
    "PhilipsRescaleIntercept": 0,
    "PhilipsRescaleSlope": 0.76947,
    "PhilipsScaleSlope": 0.0940895,
    "ProtocolName": "WIPpiopfacesSENSE",
    "PulseSequenceType": "gradient echo EPI",
    "ReconMatrixPE": 80,
    "RepetitionTime": 0.75,
    "SeriesDescription": "ImageMRSERIES",
    "SeriesNumber": 2,
    "SliceEncodingDirection": "k",
    "SliceTiming": [
      0.0,
      0.06755050505050506,
      0.1351010101010101,
      0.20265151515151517,
      0.2702020202020202,
      0.3377525252525253,
      0.40530303030303033,
      0.47285353535353536,
      0.5404040404040404,
      0.6079545454545455,
      0.6755050505050506,
      0.7430555555555556,
      0.0,
      0.06755050505050506,
      0.1351010101010101,
      0.20265151515151517,
      0.2702020202020202,
      0.3377525252525253,
      0.40530303030303033,
      0.47285353535353536,
      0.5404040404040404,
      0.6079545454545455,
      0.6755050505050506,
      0.7430555555555556,
      0.0,
      0.06755050505050506,
      0.1351010101010101,
      0.20265151515151517,
      0.2702020202020202,
      0.3377525252525253,
      0.40530303030303033,
      0.47285353535353536,
      0.5404040404040404,
      0.6079545454545455,
      0.6755050505050506,
      0.7430555555555556
    ],
    "TaskName": "faces",
    "TotalReadoutTime": 0.024699802401580786,
    "UsePhilipsFloatNotDisplayScaling": 1,
    "acq_id": "mb3",
    "dataset": "ds002785",
    "modality": "bold",
    "subject_id": "0194",
    "task_id": "faces"
  },
  "dummy_trs": 1,
  "dvars_nstd": 27.89875741704267,
  "dvars_std": 1.0617396185365857,
  "dvars_vstd": 1.002107735884147,
  "efc": 0.4112758092036343,
  "fber": 172821.421875,
  "fd_mean": 0.12017478873958787,
  "fd_num": 31,
  "fd_perc": 9.422492401215806,
  "fwhm_avg": 2.0195940495039824,
  "fwhm_x": 2.01824,
  "fwhm_y": 2.15123,
  "fwhm_z": 1.8893121485119464,
  "gcor": 0.00851308,
  "gsr_x": -0.025905229151248932,
  "gsr_y": 0.017424535006284714,
  "provenance": {
    "md5sum": "20c0009fdfe857ca8ffe1e301ad7c093",
    "settings": {
      "fd_thres": 0.2,
      "testing": false
    },
    "software": "mriqc",
    "version": "22.0.0rc1",
    "webapi_port": null,
    "webapi_url": "https://mriqc.nimh.nih.gov/api/v1"
  },
  "size_t": 329,
  "size_x": 80,
  "size_y": 80,
  "size_z": 36,
  "snr": 5.5223682872053805,
  "spacing_tr": 0.75,
  "spacing_x": 3.0,
  "spacing_y": 3.0,
  "spacing_z": 3.299999952316284,
  "summary_bg_k": 64.26147672038744,
  "summary_bg_mad": 41.54390189639215,
  "summary_bg_mean": 361.36651611328125,
  "summary_bg_median": 39.232872009277344,
  "summary_bg_n": 158580.0,
  "summary_bg_p05": 2.0753905296325685,
  "summary_bg_p95": 1870.9950988769422,
  "summary_bg_stdv": 1118.8851318359375,
  "summary_fg_k": 0.29621866914316763,
  "summary_fg_mad": 2910.7709282153673,
  "summary_fg_mean": 16822.197265625,
  "summary_fg_median": 16713.349609375,
  "summary_fg_n": 31575.0,
  "summary_fg_p05": 11933.79384765625,
  "summary_fg_p95": 21895.308984375,
  "summary_fg_stdv": 3026.434326171875,
  "tsnr": 51.637168884277344
}