{
  "aor": 0.00032851464435146446,
  "aqi": 0.008834911903765692,
  "bids_meta": {
    "AcquisitionNumber": 6,
    "BidsifyVersion": "0.3.5",
    "ConversionSoftware": "dcm2niix",
    "ConversionSoftwareVersion": "v1.0.20181125  GCC6.3.0",
    "EchoTime": 0.02762,
    "EffectiveEchoSpacing": 0.0006333282667071997,
    "ImageComments": "piop",
    "ImageOrientationPatientDICOM": [
      0.99593,
      0.0849604,
      0.0300828,
      -0.0771572,
      0.976209,
      -0.202639
    ],
    "Manufacturer": "Philips",
    "NumberOfVolumesDiscardedByScanner": 2,
    "ParallelAcquisitionTechnique": "SENSE",
    "ParallelReductionFactorInPlane": 2,
    "PatientPosition": "HFS",
    "PhaseEncodingDirection": "j",
    "PhilipsRescaleIntercept": 0,
    "PhilipsRescaleSlope": 0.75311,
    "PhilipsScaleSlope": 0.0943352,
    "ProtocolName": "WIPpioprsSENSE",
    "PulseSequenceType": "gradient echo EPI",
    "ReconMatrixPE": 80,
    "RepetitionTime": 0.75,
    "SeriesDescription": "ImageMRSERIES",
    "SeriesNumber": 6,
    "SliceEncodingDirection": "k",
    "SliceTiming": [
      0.0,
      0.06755050505050506,
      0.1351010101010101,
      0.20265151515151517,
      0.2702020202020202,
      0.3377525252525253,
      0.40530303030303033,
      0.47285353535353536,
      0.5404040404040404,
      0.6079545454545455,
      0.6755050505050506,
      0.7430555555555556,
      0.0,
      0.06755050505050506,
      0.1351010101010101,
      0.20265151515151517,
      0.2702020202020202,
      0.3377525252525253,
      0.40530303030303033,
      0.47285353535353536,
      0.5404040404040404,
      0.6079545454545455,
      0.6755050505050506,
      0.7430555555555556,
      0.0,
      0.06755050505050506,
      0.1351010101010101,
      0.20265151515151517,
      0.2702020202020202,
      0.3377525252525253,
      0.40530303030303033,
      0.47285353535353536,
      0.5404040404040404,
      0.6079545454545455,
      0.6755050505050506,
      0.7430555555555556
    ],
    "TaskName": "restingstate",
    "TotalReadoutTime": 0.024699802401580786,
    "UsePhilipsFloatNotDisplayScaling": 1,
    "acq_id": "mb3",
    "dataset": "ds002785",
    "modality": "bold",
    "subject_id": "0194",
    "task_id": "restingstate"
  },
  "dummy_trs": 2,
  "dvars_nstd": 28.247886745723264,
  "dvars_std": 1.0660971085534598,
  "dvars_vstd": 1.0070012187631026,
  "efc": 0.4127349680727204,
  "fber": 165839.53125,
  "fd_mean": 0.1160547921262997,
  "fd_num": 39,
  "fd_perc": 8.158995815899582,
  "fwhm_avg": 2.0133021303319274,
  "fwhm_x": 1.9919900000000001,
  "fwhm_y": 2.15448,
  "fwhm_z": 1.8934363909957825,
  "gcor": 0.0228528,
  "gsr_x": -0.025121571496129036,
  "gsr_y": 0.018508095294237137,
  "provenance": {
    "md5sum": "cc2076e7e5ab00db2acaaaa4d6460f84",
    "settings": {
      "fd_thres": 0.2,
      "testing": false
    },
    "software": "mriqc",
    "version": "22.0.0rc1",
    "webapi_port": null,
    "webapi_url": "https://mriqc.nimh.nih.gov/api/v1"
  },
  "size_t": 478,
  "size_x": 80,
  "size_y": 80,
  "size_z": 36,
  "snr": 5.776414650986124,
  "spacing_tr": 0.75,
  "spacing_x": 3.0,
  "spacing_y": 3.0,
  "spacing_z": 3.299999952316284,
  "summary_bg_k": 74.74750466607546,
  "summary_bg_mad": 41.45949725549364,
  "summary_bg_mean": 346.2022399902344,
  "summary_bg_median": 39.47930908203125,
  "summary_bg_n": 158120.0,
  "summary_bg_p05": 2.357551646232605,
  "summary_bg_p95": 1827.2548950195305,
  "summary_bg_stdv": 1049.617919921875,
  "summary_fg_k": 0.5004262187602819,
  "summary_fg_mad": 2738.2280275487265,
  "summary_fg_mean": 16569.400390625,
  "summary_fg_median": 16485.140625,
  "summary_fg_n": 31686.0,
  "summary_fg_p05": 11977.239013671875,
  "summary_fg_p95": 21261.7802734375,
  "summary_fg_stdv": 2853.82568359375,
  "tsnr": 47.05966567993164
}