{
  "aor": 0.00020313807531380752,
  "aqi": 0.011757287970711298,
  "bids_meta": {
    "AcquisitionNumber": 6,
    "BidsifyVersion": "0.3.5",
    "ConversionSoftware": "dcm2niix",
    "ConversionSoftwareVersion": "v1.0.20181125  GCC6.3.0",
    "EchoTime": 0.02762,
    "EffectiveEchoSpacing": 0.0006333282667071997,
    "ImageComments": "PIOP",
    "ImageOrientationPatientDICOM": [
      0.999074,
      0.0288489,
      0.0319227,
      -0.0219743,
      0.979977,
      -0.197894
    ],
    "Manufacturer": "Philips",
    "NumberOfVolumesDiscardedByScanner": 2,
    "ParallelAcquisitionTechnique": "SENSE",
    "ParallelReductionFactorInPlane": 2,
    "PatientPosition": "HFS",
    "PhaseEncodingDirection": "j",
    "PhilipsRescaleIntercept": 0,
    "PhilipsRescaleSlope": 0.75629,
    "PhilipsScaleSlope": 0.101527,
    "ProtocolName": "WIPpioprsSENSE",
    "PulseSequenceType": "gradient echo EPI",
    "ReconMatrixPE": 80,
    "RepetitionTime": 0.75,
    "SeriesDescription": "ImageMRSERIES",
    "SeriesNumber": 6,
    "SliceEncodingDirection": "k",
    "SliceTiming": [
      0.0,
      0.06755050505050506,
      0.1351010101010101,
      0.20265151515151517,
      0.2702020202020202,
      0.3377525252525253,
      0.40530303030303033,
      0.47285353535353536,
      0.5404040404040404,
      0.6079545454545455,
      0.6755050505050506,
      0.7430555555555556,
      0.0,
      0.06755050505050506,
      0.1351010101010101,
      0.20265151515151517,
      0.2702020202020202,
      0.3377525252525253,
      0.40530303030303033,
      0.47285353535353536,
      0.5404040404040404,
      0.6079545454545455,
      0.6755050505050506,
      0.7430555555555556,
      0.0,
      0.06755050505050506,
      0.1351010101010101,
      0.20265151515151517,
      0.2702020202020202,
      0.3377525252525253,
      0.40530303030303033,
      0.47285353535353536,
      0.5404040404040404,
      0.6079545454545455,
      0.6755050505050506,
      0.7430555555555556
    ],
    "TaskName": "restingstate",
    "TotalReadoutTime": 0.024699802401580786,
    "UsePhilipsFloatNotDisplayScaling": 1,
    "acq_id": "mb3",
    "dataset": "ds002785",
    "modality": "bold",
    "subject_id": "0086",
    "task_id": "restingstate"
  },
  "dummy_trs": 2,
  "dvars_nstd": 32.44970802293502,
  "dvars_std": 1.1602213340880512,
  "dvars_vstd": 1.0001006339832288,
  "efc": 0.45752162578686645,
  "fber": 125532.515625,
  "fd_mean": 0.06916033888689027,
  "fd_num": 0,
  "fd_perc": 0.0,
  "fwhm_avg": 1.7518874826109967,
  "fwhm_x": 1.7173800000000001,
  "fwhm_y": 1.9056733333333333,
  "fwhm_z": 1.632609114499657,
  "gcor": 0.00815933,
  "gsr_x": -0.01437653973698616,
  "gsr_y": 0.01562355738133192,
  "provenance": {
    "md5sum": "54785b85e7fb7e1102eefe5cfb246fb3",
    "settings": {
      "fd_thres": 0.2,
      "testing": false
    },
    "software": "mriqc",
    "version": "22.0.0rc1",
    "webapi_port": null,
    "webapi_url": "https://mriqc.nimh.nih.gov/api/v1"
  },
  "size_t": 478,
  "size_x": 80,
  "size_y": 80,
  "size_z": 36,
  "snr": 7.082728994287713,
  "spacing_tr": 0.75,
  "spacing_x": 3.0,
  "spacing_y": 3.0,
  "spacing_z": 3.299999952316284,
  "summary_bg_k": 35.59101538032706,
  "summary_bg_mad": 53.182510858945115,
  "summary_bg_mean": 520.6204223632812,
  "summary_bg_median": 45.041439056396484,
  "summary_bg_n": 151533.0,
  "summary_bg_p05": 2.7589745521545415,
  "summary_bg_p95": 2895.372558593748,
  "summary_bg_stdv": 1335.9383544921875,
  "summary_fg_k": 1.665702359388181,
  "summary_fg_mad": 2173.8517482734132,
  "summary_fg_mean": 16375.44140625,
  "summary_fg_median": 16321.751953125,
  "summary_fg_n": 37044.0,
  "summary_fg_p05": 12812.144384765625,
  "summary_fg_p95": 20043.733984374998,
  "summary_fg_stdv": 2304.412841796875,
  "tsnr": 50.05826187133789
}