{
  "bids_meta": {
    "AcquisitionNumber": 4,
    "BidsifyVersion": "0.3.5",
    "ConversionSoftware": "dcm2niix",
    "ConversionSoftwareVersion": "v1.0.20181125  GCC6.3.0",
    "EchoTime": 0.00375,
    "ImageComments": "PIOP",
    "ImageOrientationPatientDICOM": [
      0.998349,
      0.0566766,
      -0.00931747,
      -0.0563408,
      0.997865,
      0.0330349
    ],
    "Manufacturer": "Philips",
    "PatientPosition": "HFS",
    "PhilipsRescaleIntercept": 0,
    "PhilipsRescaleSlope": 8.55409,
    "PhilipsScaleSlope": 0.0070612,
    "ProtocolName": "WIPt13dSENSE",
    "ReconMatrixPE": 240,
    "RepetitionTime": 0.008152,
    "SeriesDescription": "ImageMRSERIES",
    "SeriesNumber": 4,
    "UsePhilipsFloatNotDisplayScaling": 1,
    "dataset": "ds002785",
    "modality": "T1w",
    "subject_id": "0134"
  },
  "cjv": 0.29726795521313076,
  "cnr": 4.201117876685187,
  "efc": 0.7535686242287282,
  "fber": 769.3348388671875,
  "fwhm_avg": 3.630576666666667,
  "fwhm_x": 3.56297,
  "fwhm_y": 3.83351,
  "fwhm_z": 3.49525,
  "icvs_csf": 0.20333881705343623,
  "icvs_gm": 0.4373250411918035,
  "icvs_wm": 0.3593361417547603,
  "inu_med": 1.8146668672561646,
  "inu_range": 0.43615561723709106,
  "provenance": {
    "md5sum": "12c3950148e818f938d1e06d68cca2d2",
    "settings": {
      "testing": false
    },
    "software": "mriqc",
    "version": "22.0.0rc1",
    "warnings": {
      "large_rot_frame": true,
      "small_air_mask": true
    },
    "webapi_port": null,
    "webapi_url": "https://mriqc.nimh.nih.gov/api/v1"
  },
  "qi_1": 0.0,
  "qi_2": 0.00021404237977805287,
  "rpve_csf": 28.270515835067783,
  "rpve_gm": 14.521938075379927,
  "rpve_wm": 22.348099784787642,
  "size_x": 240,
  "size_y": 240,
  "size_z": 220,
  "snr_csf": 2.2043623298271817,
  "snr_gm": 6.993200420870005,
  "snr_total": 9.976393174593476,
  "snr_wm": 20.731616773083243,
  "snrd_csf": 22.433931047423666,
  "snrd_gm": 46.47450372626331,
  "snrd_total": 49.23690513066168,
  "snrd_wm": 78.80228061829808,
  "spacing_x": 1.0,
  "spacing_y": 1.0,
  "spacing_z": 1.0,
  "summary_bg_k": 5.6023046501420435,
  "summary_bg_mad": 8.31359060464833,
  "summary_bg_mean": 11.028205871582031,
  "summary_bg_median": 11.176109313964844,
  "summary_bg_n": 163754.0,
  "summary_bg_p05": 0.0,
  "summary_bg_p95": 28.63138380050659,
  "summary_bg_stdv": 9.85129451751709,
  "summary_csf_k": 16.83675412915728,
  "summary_csf_mad": 135.76221272546417,
  "summary_csf_mean": 262.2418518066406,
  "summary_csf_median": 284.6835021972656,
  "summary_csf_n": 5795.0,
  "summary_csf_p05": 58.77163887023925,
  "summary_csf_p95": 431.53779296875,
  "summary_csf_stdv": 129.13436889648438,
  "summary_gm_k": 0.24520691962605268,
  "summary_gm_mad": 79.64634314194775,
  "summary_gm_mean": 594.3500366210938,
  "summary_gm_median": 589.7550659179688,
  "summary_gm_n": 22465.0,
  "summary_gm_p05": 461.21270751953125,
  "summary_gm_p95": 741.7154418945313,
  "summary_gm_stdv": 84.33076477050781,
  "summary_wm_k": 1.390387336031103,
  "summary_wm_mad": 42.303390254195975,
  "summary_wm_mean": 996.6133422851562,
  "summary_wm_median": 999.9901123046875,
  "summary_wm_n": 185191.0,
  "summary_wm_p05": 911.5738830566406,
  "summary_wm_p95": 1068.2955322265625,
  "summary_wm_stdv": 48.23489761352539,
  "tpm_overlap_csf": 0.17347389459609985,
  "tpm_overlap_gm": 0.4620305895805359,
  "tpm_overlap_wm": 0.5236571431159973,
  "wm2max": 0.7342974157349657
}