{
  "bids_meta": {
    "AcquisitionNumber": 4,
    "BidsifyVersion": "0.3.5",
    "ConversionSoftware": "dcm2niix",
    "ConversionSoftwareVersion": "v1.0.20181125  GCC6.3.0",
    "EchoTime": 0.00373,
    "ImageComments": "piop",
    "ImageOrientationPatientDICOM": [
      0.999726,
      -0.0233868,
      0.000222487,
      0.0233853,
      0.999428,
      -0.0244337
    ],
    "Manufacturer": "Philips",
    "PatientPosition": "HFS",
    "PhilipsRescaleIntercept": 0,
    "PhilipsRescaleSlope": 9.02613,
    "PhilipsScaleSlope": 0.00733547,
    "ProtocolName": "WIPt13dSENSE",
    "ReconMatrixPE": 240,
    "RepetitionTime": 0.008135,
    "SeriesDescription": "ImageMRSERIES",
    "SeriesNumber": 4,
    "UsePhilipsFloatNotDisplayScaling": 1,
    "dataset": "ds002785",
    "modality": "T1w",
    "subject_id": "0010"
  },
  "cjv": 0.33389030059975655,
  "cnr": 3.807268125458073,
  "efc": 0.74124508816138,
  "fber": 1845.636474609375,
  "fwhm_avg": 3.465906534572458,
  "fwhm_x": 3.47954,
  "fwhm_y": 3.59392,
  "fwhm_z": 3.3242596037173744,
  "icvs_csf": 0.20762103822626732,
  "icvs_gm": 0.43316491053183526,
  "icvs_wm": 0.3592140512418974,
  "inu_med": 1.7641974687576294,
  "inu_range": 0.37026436328887957,
  "provenance": {
    "md5sum": "b3711e82a17c752c68588fefb72b36fe",
    "settings": {
      "testing": false
    },
    "software": "mriqc",
    "version": "22.0.0rc1",
    "warnings": {
      "large_rot_frame": true,
      "small_air_mask": true
    },
    "webapi_port": null,
    "webapi_url": "https://mriqc.nimh.nih.gov/api/v1"
  },
  "qi_1": 0.0,
  "qi_2": 0.00011391617872482479,
  "rpve_csf": 32.05002229270965,
  "rpve_gm": 16.80526896381429,
  "rpve_wm": 25.453027961276316,
  "size_x": 240,
  "size_y": 240,
  "size_z": 220,
  "snr_csf": 2.8436657864813495,
  "snr_gm": 7.254353772377895,
  "snr_total": 10.23759039222015,
  "snr_wm": 20.614751617801208,
  "snrd_csf": 24.461820014400196,
  "snrd_gm": 51.79508217775349,
  "snrd_total": 53.15568244620863,
  "snrd_wm": 83.21014514647219,
  "spacing_x": 1.0,
  "spacing_y": 1.0,
  "spacing_z": 1.0000001192092896,
  "summary_bg_k": 409.885604663638,
  "summary_bg_mad": 7.873159933618117,
  "summary_bg_mean": 11.610082626342773,
  "summary_bg_median": 10.561716079711914,
  "summary_bg_n": 181532.0,
  "summary_bg_p05": 0.0,
  "summary_bg_p95": 31.54417753219604,
  "summary_bg_stdv": 10.862509727478027,
  "summary_csf_k": 0.984149292179834,
  "summary_csf_mad": 102.18340806056257,
  "summary_csf_mean": 282.59136962890625,
  "summary_csf_median": 293.97210693359375,
  "summary_csf_n": 7579.0,
  "summary_csf_p05": 108.67784042358399,
  "summary_csf_p95": 438.5289703369139,
  "summary_csf_stdv": 103.37104797363281,
  "summary_gm_k": 0.24299675084833616,
  "summary_gm_mad": 82.0352565493842,
  "summary_gm_mean": 625.3372192382812,
  "summary_gm_median": 622.4520263671875,
  "summary_gm_n": 18556.0,
  "summary_gm_p05": 489.85660552978516,
  "summary_gm_p95": 774.6950531005859,
  "summary_gm_stdv": 85.8016128540039,
  "summary_wm_k": 0.8377051107692379,
  "summary_wm_mad": 44.01945888650434,
  "summary_wm_mean": 997.5848999023438,
  "summary_wm_median": 999.9853515625,
  "summary_wm_n": 165229.0,
  "summary_wm_p05": 913.547314453125,
  "summary_wm_p95": 1072.6288330078125,
  "summary_wm_stdv": 48.508094787597656,
  "tpm_overlap_csf": 0.17656680941581726,
  "tpm_overlap_gm": 0.44800999760627747,
  "tpm_overlap_wm": 0.5029879212379456,
  "wm2max": 0.7693319765963246
}