{
  "aor": 0.001874,
  "aqi": 0.004890075555555555,
  "bids_meta": {
    "AcquisitionNumber": 5,
    "BidsifyVersion": "0.3.5",
    "ConversionSoftware": "dcm2niix",
    "ConversionSoftwareVersion": "v1.0.20181125  GCC6.3.0",
    "EchoTime": 0.02762,
    "EffectiveEchoSpacing": 0.0006621159151938905,
    "ImageComments": "Piop",
    "ImageOrientationPatientDICOM": [
      0.996553,
      -0.0429984,
      0.0709462,
      0.0469962,
      0.997342,
      -0.0556777
    ],
    "Manufacturer": "Philips",
    "NumberOfVolumesDiscardedByScanner": 2,
    "ParallelAcquisitionTechnique": "SENSE",
    "ParallelReductionFactorInPlane": 2,
    "PatientPosition": "HFS",
    "PhaseEncodingDirection": "j",
    "PhilipsRescaleIntercept": 0,
    "PhilipsRescaleSlope": 0.76239,
    "PhilipsScaleSlope": 0.0539873,
    "ProtocolName": "WIPpiopharririSENSE",
    "PulseSequenceType": "gradient echo EPI",
    "ReconMatrixPE": 80,
    "RepetitionTime": 2,
    "SeriesDescription": "ImageMRSERIES",
    "SeriesNumber": 5,
    "SliceEncodingDirection": "k",
    "SliceTiming": [
      0.0,
      0.0541,
      0.1081,
      0.1622,
      0.2162,
      0.2703,
      0.3243,
      0.3784,
      0.4324,
      0.4865,
      0.5405,
      0.5946,
      0.6486,
      0.7027,
      0.7568,
      0.8108,
      0.8649,
      0.9189,
      0.973,
      1.027,
      1.0811,
      1.1351,
      1.1892,
      1.2432,
      1.2973,
      1.3514,
      1.4054,
      1.4595,
      1.5135,
      1.5676,
      1.6216,
      1.6757,
      1.7297,
      1.7838,
      1.8378,
      1.8919,
      1.9459
    ],
    "TaskName": "emomatching",
    "TotalReadoutTime": 0.025822520692561732,
    "UsePhilipsFloatNotDisplayScaling": 1,
    "acq_id": "seq",
    "dataset": "ds002785",
    "modality": "bold",
    "subject_id": "0021",
    "task_id": "emomatching"
  },
  "dummy_trs": 0,
  "dvars_nstd": 22.197129021791028,
  "dvars_std": 1.2467884964925366,
  "dvars_vstd": 0.9932181524626867,
  "efc": 0.4642261594122285,
  "fber": 108611.1953125,
  "fd_mean": 0.14551013793812564,
  "fd_num": 23,
  "fd_perc": 17.037037037037038,
  "fwhm_avg": 1.917425564438534,
  "fwhm_x": 1.8552,
  "fwhm_y": 2.05281,
  "fwhm_z": 1.8442666933156027,
  "gcor": 0.0111144,
  "gsr_x": -0.011654946021735668,
  "gsr_y": 0.026985421776771545,
  "provenance": {
    "md5sum": "4ff6e6bc187ff20b9e66b301eda04d0b",
    "settings": {
      "fd_thres": 0.2,
      "testing": false
    },
    "software": "mriqc",
    "version": "22.0.0rc1",
    "webapi_port": null,
    "webapi_url": "https://mriqc.nimh.nih.gov/api/v1"
  },
  "size_t": 135,
  "size_x": 80,
  "size_y": 80,
  "size_z": 37,
  "snr": 4.687524181088834,
  "spacing_tr": 2.0,
  "spacing_x": 3.0,
  "spacing_y": 3.0,
  "spacing_z": 3.299999952316284,
  "summary_bg_k": 84.01166885320967,
  "summary_bg_mad": 87.30340949259157,
  "summary_bg_mean": 749.7470092773438,
  "summary_bg_median": 77.3492431640625,
  "summary_bg_n": 151494.0,
  "summary_bg_p05": 6.156091475486756,
  "summary_bg_p95": 3712.1079223632855,
  "summary_bg_stdv": 2064.77880859375,
  "summary_fg_k": 2.2241175020589363,
  "summary_fg_mad": 4812.809132746341,
  "summary_fg_mean": 27111.669921875,
  "summary_fg_median": 26430.65625,
  "summary_fg_n": 42346.0,
  "summary_fg_p05": 19343.66796875,
  "summary_fg_p95": 36862.765625,
  "summary_fg_stdv": 5638.4443359375,
  "tsnr": 72.33110809326172
}