{
  "aor": 0.0009039375,
  "aqi": 0.004239134812500001,
  "bids_meta": {
    "AcquisitionNumber": 8,
    "BidsifyVersion": "0.3.5",
    "ConversionSoftware": "dcm2niix",
    "ConversionSoftwareVersion": "v1.0.20181125  GCC6.3.0",
    "EchoTime": 0.02762,
    "EffectiveEchoSpacing": 0.0006621159151938905,
    "ImageComments": "Piop",
    "ImageOrientationPatientDICOM": [
      0.996553,
      -0.0429984,
      0.0709462,
      0.0469962,
      0.997342,
      -0.0556777
    ],
    "Manufacturer": "Philips",
    "NumberOfVolumesDiscardedByScanner": 2,
    "ParallelAcquisitionTechnique": "SENSE",
    "ParallelReductionFactorInPlane": 2,
    "PatientPosition": "HFS",
    "PhaseEncodingDirection": "j",
    "PhilipsRescaleIntercept": 0,
    "PhilipsRescaleSlope": 0.75165,
    "PhilipsScaleSlope": 0.0552115,
    "ProtocolName": "WIPpiopwmSENSE",
    "PulseSequenceType": "gradient echo EPI",
    "ReconMatrixPE": 80,
    "RepetitionTime": 2,
    "SeriesDescription": "ImageMRSERIES",
    "SeriesNumber": 8,
    "SliceEncodingDirection": "k",
    "SliceTiming": [
      0.0,
      0.0541,
      0.1081,
      0.1622,
      0.2162,
      0.2703,
      0.3243,
      0.3784,
      0.4324,
      0.4865,
      0.5405,
      0.5946,
      0.6486,
      0.7027,
      0.7568,
      0.8108,
      0.8649,
      0.9189,
      0.973,
      1.027,
      1.0811,
      1.1351,
      1.1892,
      1.2432,
      1.2973,
      1.3514,
      1.4054,
      1.4595,
      1.5135,
      1.5676,
      1.6216,
      1.6757,
      1.7297,
      1.7838,
      1.8378,
      1.8919,
      1.9459
    ],
    "TaskName": "workingmemory",
    "TotalReadoutTime": 0.025822520692561732,
    "UsePhilipsFloatNotDisplayScaling": 1,
    "acq_id": "seq",
    "dataset": "ds002785",
    "modality": "bold",
    "subject_id": "0021",
    "task_id": "workingmemory"
  },
  "dummy_trs": 2,
  "dvars_nstd": 22.684740666477992,
  "dvars_std": 1.2390474135220126,
  "dvars_vstd": 0.9748749950314474,
  "efc": 0.4623929319423894,
  "fber": 108853.6953125,
  "fd_mean": 0.13258054518733792,
  "fd_num": 14,
  "fd_perc": 8.75,
  "fwhm_avg": 1.8946890996650445,
  "fwhm_x": 1.8410533333333332,
  "fwhm_y": 2.02512,
  "fwhm_z": 1.8178939656617998,
  "gcor": 0.0216234,
  "gsr_x": -0.011240842752158642,
  "gsr_y": 0.026729131117463112,
  "provenance": {
    "md5sum": "a7518954fadb4d49ef05d8d092f3904b",
    "settings": {
      "fd_thres": 0.2,
      "testing": false
    },
    "software": "mriqc",
    "version": "22.0.0rc1",
    "webapi_port": null,
    "webapi_url": "https://mriqc.nimh.nih.gov/api/v1"
  },
  "size_t": 160,
  "size_x": 80,
  "size_y": 80,
  "size_z": 37,
  "snr": 4.719888018850842,
  "spacing_tr": 2.0,
  "spacing_x": 3.0,
  "spacing_y": 3.0,
  "spacing_z": 3.299999952316284,
  "summary_bg_k": 92.98503863661189,
  "summary_bg_mad": 86.51472369386583,
  "summary_bg_mean": 732.4274291992188,
  "summary_bg_median": 75.9605484008789,
  "summary_bg_n": 151899.0,
  "summary_bg_p05": 5.807273244857789,
  "summary_bg_p95": 3636.043359375006,
  "summary_bg_stdv": 2034.043212890625,
  "summary_fg_k": 2.2559620603995123,
  "summary_fg_mad": 4690.7507198296635,
  "summary_fg_mean": 26757.55078125,
  "summary_fg_median": 26038.83984375,
  "summary_fg_n": 41993.0,
  "summary_fg_p05": 19214.715625,
  "summary_fg_p95": 36296.7375,
  "summary_fg_stdv": 5516.7685546875,
  "tsnr": 78.8389892578125
}