{
  "aor": 0.0003098170731707318,
  "aqi": 0.007781065304878048,
  "bids_meta": {
    "AcquisitionNumber": 2,
    "BidsifyVersion": "0.3.5",
    "ConversionSoftware": "dcm2niix",
    "ConversionSoftwareVersion": "v1.0.20181125  GCC6.3.0",
    "EchoTime": 0.02762,
    "EffectiveEchoSpacing": 0.0006333282667071997,
    "ImageComments": "Piop",
    "ImageOrientationPatientDICOM": [
      0.995816,
      -0.0466245,
      0.0785921,
      0.0560235,
      0.990951,
      -0.121977
    ],
    "Manufacturer": "Philips",
    "NumberOfVolumesDiscardedByScanner": 2,
    "ParallelAcquisitionTechnique": "SENSE",
    "ParallelReductionFactorInPlane": 2,
    "PatientPosition": "HFS",
    "PhaseEncodingDirection": "j",
    "PhilipsRescaleIntercept": 0,
    "PhilipsRescaleSlope": 0.79463,
    "PhilipsScaleSlope": 0.0761412,
    "ProtocolName": "WIPpiopfacesSENSE",
    "PulseSequenceType": "gradient echo EPI",
    "ReconMatrixPE": 80,
    "RepetitionTime": 0.75,
    "SeriesDescription": "ImageMRSERIES",
    "SeriesNumber": 2,
    "SliceEncodingDirection": "k",
    "SliceTiming": [
      0.0,
      0.06755050505050506,
      0.1351010101010101,
      0.20265151515151517,
      0.2702020202020202,
      0.3377525252525253,
      0.40530303030303033,
      0.47285353535353536,
      0.5404040404040404,
      0.6079545454545455,
      0.6755050505050506,
      0.7430555555555556,
      0.0,
      0.06755050505050506,
      0.1351010101010101,
      0.20265151515151517,
      0.2702020202020202,
      0.3377525252525253,
      0.40530303030303033,
      0.47285353535353536,
      0.5404040404040404,
      0.6079545454545455,
      0.6755050505050506,
      0.7430555555555556,
      0.0,
      0.06755050505050506,
      0.1351010101010101,
      0.20265151515151517,
      0.2702020202020202,
      0.3377525252525253,
      0.40530303030303033,
      0.47285353535353536,
      0.5404040404040404,
      0.6079545454545455,
      0.6755050505050506,
      0.7430555555555556
    ],
    "TaskName": "faces",
    "TotalReadoutTime": 0.024699802401580786,
    "UsePhilipsFloatNotDisplayScaling": 1,
    "acq_id": "mb3",
    "dataset": "ds002785",
    "modality": "bold",
    "subject_id": "0021",
    "task_id": "faces"
  },
  "dummy_trs": 2,
  "dvars_nstd": 24.16269023538226,
  "dvars_std": 1.0760118819571869,
  "dvars_vstd": 0.9958417309480124,
  "efc": 0.4757595257425166,
  "fber": 138126.515625,
  "fd_mean": 0.09564504687699958,
  "fd_num": 7,
  "fd_perc": 2.1341463414634148,
  "fwhm_avg": 2.029474093542358,
  "fwhm_x": 2.04578,
  "fwhm_y": 2.2038966666666666,
  "fwhm_z": 1.838745613960406,
  "gcor": 0.0107715,
  "gsr_x": -0.014952757395803928,
  "gsr_y": 0.026712220162153244,
  "provenance": {
    "md5sum": "1fb767f5ffa96201f2107ccce7f15e2e",
    "settings": {
      "fd_thres": 0.2,
      "testing": false
    },
    "software": "mriqc",
    "version": "22.0.0rc1",
    "webapi_port": null,
    "webapi_url": "https://mriqc.nimh.nih.gov/api/v1"
  },
  "size_t": 328,
  "size_x": 80,
  "size_y": 80,
  "size_z": 36,
  "snr": 6.171290231701382,
  "spacing_tr": 0.75,
  "spacing_x": 3.0,
  "spacing_y": 3.0,
  "spacing_z": 3.299999713897705,
  "summary_bg_k": 59.58870121510372,
  "summary_bg_mad": 63.562744758795034,
  "summary_bg_mean": 584.0341796875,
  "summary_bg_median": 52.63322448730469,
  "summary_bg_n": 146398.0,
  "summary_bg_p05": 3.3712838649749757,
  "summary_bg_p95": 2832.6530273437497,
  "summary_bg_stdv": 1463.7354736328125,
  "summary_fg_k": 1.5163824764794036,
  "summary_fg_mad": 2839.079002969739,
  "summary_fg_mean": 20113.775390625,
  "summary_fg_median": 19958.2890625,
  "summary_fg_n": 41838.0,
  "summary_fg_p05": 15165.62802734375,
  "summary_fg_p95": 25497.700097656252,
  "summary_fg_stdv": 3234.015869140625,
  "tsnr": 56.716575622558594
}