{
  "aor": 0.0005948500000000001,
  "aqi": 0.0035992052500000006,
  "bids_meta": {
    "AcquisitionNumber": 9,
    "BidsifyVersion": "0.3.5",
    "ConversionSoftware": "dcm2niix",
    "ConversionSoftwareVersion": "v1.0.20181125  GCC6.3.0",
    "EchoTime": 0.02762,
    "EffectiveEchoSpacing": 0.0006621159151938905,
    "ImageComments": "Piop",
    "ImageOrientationPatientDICOM": [
      0.996553,
      -0.0429984,
      0.0709462,
      0.0469962,
      0.997342,
      -0.0556777
    ],
    "Manufacturer": "Philips",
    "NumberOfVolumesDiscardedByScanner": 2,
    "ParallelAcquisitionTechnique": "SENSE",
    "ParallelReductionFactorInPlane": 2,
    "PatientPosition": "HFS",
    "PhaseEncodingDirection": "j",
    "PhilipsRescaleIntercept": 0,
    "PhilipsRescaleSlope": 0.74359,
    "PhilipsScaleSlope": 0.0528388,
    "ProtocolName": "WIPpiopanticipatieSENSE",
    "PulseSequenceType": "gradient echo EPI",
    "ReconMatrixPE": 80,
    "RepetitionTime": 2,
    "SeriesDescription": "ImageMRSERIES",
    "SeriesNumber": 9,
    "SliceEncodingDirection": "k",
    "SliceTiming": [
      0.0,
      0.0541,
      0.1081,
      0.1622,
      0.2162,
      0.2703,
      0.3243,
      0.3784,
      0.4324,
      0.4865,
      0.5405,
      0.5946,
      0.6486,
      0.7027,
      0.7568,
      0.8108,
      0.8649,
      0.9189,
      0.973,
      1.027,
      1.0811,
      1.1351,
      1.1892,
      1.2432,
      1.2973,
      1.3514,
      1.4054,
      1.4595,
      1.5135,
      1.5676,
      1.6216,
      1.6757,
      1.7297,
      1.7838,
      1.8378,
      1.8919,
      1.9459
    ],
    "TaskName": "anticipation",
    "TotalReadoutTime": 0.025822520692561732,
    "UsePhilipsFloatNotDisplayScaling": 1,
    "acq_id": "seq",
    "dataset": "ds002785",
    "modality": "bold",
    "subject_id": "0021",
    "task_id": "anticipation"
  },
  "dummy_trs": 0,
  "dvars_nstd": 21.7205011565829,
  "dvars_std": 1.2310908224623116,
  "dvars_vstd": 0.9816527146733668,
  "efc": 0.4634799436395305,
  "fber": 108918.1953125,
  "fd_mean": 0.14263488826396015,
  "fd_num": 25,
  "fd_perc": 12.5,
  "fwhm_avg": 1.9159166755926729,
  "fwhm_x": 1.8441966666666667,
  "fwhm_y": 2.0503533333333333,
  "fwhm_z": 1.8532000267780193,
  "gcor": 0.0139011,
  "gsr_x": -0.011843954212963581,
  "gsr_y": 0.027436425909399986,
  "provenance": {
    "md5sum": "210521a3060c9dbf882126e19a1c4db6",
    "settings": {
      "fd_thres": 0.2,
      "testing": false
    },
    "software": "mriqc",
    "version": "22.0.0rc1",
    "webapi_port": null,
    "webapi_url": "https://mriqc.nimh.nih.gov/api/v1"
  },
  "size_t": 200,
  "size_x": 80,
  "size_y": 80,
  "size_z": 37,
  "snr": 4.619739580357188,
  "spacing_tr": 2.0,
  "spacing_x": 3.0,
  "spacing_y": 3.0,
  "spacing_z": 3.299999952316284,
  "summary_bg_k": 99.04304084123892,
  "summary_bg_mad": 87.14832512890733,
  "summary_bg_mean": 754.42822265625,
  "summary_bg_median": 76.87553405761719,
  "summary_bg_n": 151698.0,
  "summary_bg_p05": 5.844217777252197,
  "summary_bg_p95": 3736.512048339843,
  "summary_bg_stdv": 2105.361328125,
  "summary_fg_k": 2.4393152100594353,
  "summary_fg_mad": 4822.793532061589,
  "summary_fg_mean": 27142.328125,
  "summary_fg_median": 26398.83984375,
  "summary_fg_n": 42240.0,
  "summary_fg_p05": 19394.0998046875,
  "summary_fg_p95": 37038.612109375,
  "summary_fg_stdv": 5714.2890625,
  "tsnr": 82.86607360839844
}