{
  "aor": 0.00021962105263157898,
  "aqi": 0.0102439944,
  "bids_meta": {
    "AcquisitionNumber": 6,
    "BidsifyVersion": "0.3.5",
    "ConversionSoftware": "dcm2niix",
    "ConversionSoftwareVersion": "v1.0.20181125  GCC6.3.0",
    "EchoTime": 0.02762,
    "EffectiveEchoSpacing": 0.0006333282667071997,
    "ImageComments": "Piop",
    "ImageOrientationPatientDICOM": [
      0.995816,
      -0.0466245,
      0.0785921,
      0.0560235,
      0.990951,
      -0.121977
    ],
    "Manufacturer": "Philips",
    "NumberOfVolumesDiscardedByScanner": 2,
    "ParallelAcquisitionTechnique": "SENSE",
    "ParallelReductionFactorInPlane": 2,
    "PatientPosition": "HFS",
    "PhaseEncodingDirection": "j",
    "PhilipsRescaleIntercept": 0,
    "PhilipsRescaleSlope": 0.78071,
    "PhilipsScaleSlope": 0.079449,
    "ProtocolName": "WIPpioprsSENSE",
    "PulseSequenceType": "gradient echo EPI",
    "ReconMatrixPE": 80,
    "RepetitionTime": 0.75,
    "SeriesDescription": "ImageMRSERIES",
    "SeriesNumber": 6,
    "SliceEncodingDirection": "k",
    "SliceTiming": [
      0.0,
      0.06755050505050506,
      0.1351010101010101,
      0.20265151515151517,
      0.2702020202020202,
      0.3377525252525253,
      0.40530303030303033,
      0.47285353535353536,
      0.5404040404040404,
      0.6079545454545455,
      0.6755050505050506,
      0.7430555555555556,
      0.0,
      0.06755050505050506,
      0.1351010101010101,
      0.20265151515151517,
      0.2702020202020202,
      0.3377525252525253,
      0.40530303030303033,
      0.47285353535353536,
      0.5404040404040404,
      0.6079545454545455,
      0.6755050505050506,
      0.7430555555555556,
      0.0,
      0.06755050505050506,
      0.1351010101010101,
      0.20265151515151517,
      0.2702020202020202,
      0.3377525252525253,
      0.40530303030303033,
      0.47285353535353536,
      0.5404040404040404,
      0.6079545454545455,
      0.6755050505050506,
      0.7430555555555556
    ],
    "TaskName": "restingstate",
    "TotalReadoutTime": 0.024699802401580786,
    "UsePhilipsFloatNotDisplayScaling": 1,
    "acq_id": "mb3",
    "dataset": "ds002785",
    "modality": "bold",
    "subject_id": "0021",
    "task_id": "restingstate"
  },
  "dummy_trs": 5,
  "dvars_nstd": 28.95154142172995,
  "dvars_std": 1.086404404156118,
  "dvars_vstd": 1.002207112236287,
  "efc": 0.477236109002581,
  "fber": 114247.375,
  "fd_mean": 0.08856104080033532,
  "fd_num": 6,
  "fd_perc": 1.263157894736842,
  "fwhm_avg": 1.7714184928666326,
  "fwhm_x": 1.74561,
  "fwhm_y": 1.9039333333333335,
  "fwhm_z": 1.6647121452665639,
  "gcor": 0.00701267,
  "gsr_x": -0.015367401763796806,
  "gsr_y": 0.027495047077536583,
  "provenance": {
    "md5sum": "c3eac534e90e0f6ddc24ade478ab6e74",
    "settings": {
      "fd_thres": 0.2,
      "testing": false
    },
    "software": "mriqc",
    "version": "22.0.0rc1",
    "webapi_port": null,
    "webapi_url": "https://mriqc.nimh.nih.gov/api/v1"
  },
  "size_t": 475,
  "size_x": 80,
  "size_y": 80,
  "size_z": 36,
  "snr": 6.4381659148854,
  "spacing_tr": 0.75,
  "spacing_x": 3.0,
  "spacing_y": 3.0,
  "spacing_z": 3.299999952316284,
  "summary_bg_k": 63.008918458614005,
  "summary_bg_mad": 68.13235635102373,
  "summary_bg_mean": 601.8067016601562,
  "summary_bg_median": 56.49060821533203,
  "summary_bg_n": 146212.0,
  "summary_bg_p05": 3.046197211742401,
  "summary_bg_p95": 2957.585351562488,
  "summary_bg_stdv": 1548.02490234375,
  "summary_fg_k": 1.8880977143441973,
  "summary_fg_mad": 2665.589929891191,
  "summary_fg_mean": 19791.091796875,
  "summary_fg_median": 19675.802734375,
  "summary_fg_n": 41890.0,
  "summary_fg_p05": 15100.900048828125,
  "summary_fg_p95": 24768.436328124997,
  "summary_fg_stdv": 3056.082763671875,
  "tsnr": 51.482818603515625
}