{
  "aor": 0.0006544897959183673,
  "aqi": 0.0043166192244897955,
  "bids_meta": {
    "AcquisitionNumber": 3,
    "BidsifyVersion": "0.3.5",
    "ConversionSoftware": "dcm2niix",
    "ConversionSoftwareVersion": "v1.0.20181125  GCC6.3.0",
    "EchoTime": 0.02762,
    "EffectiveEchoSpacing": 0.0006621159151938905,
    "ImageComments": "PIOP",
    "ImageOrientationPatientDICOM": [
      0.994185,
      0.100927,
      -0.0375444,
      -0.107652,
      0.940003,
      -0.323738
    ],
    "Manufacturer": "Philips",
    "NumberOfVolumesDiscardedByScanner": 2,
    "ParallelAcquisitionTechnique": "SENSE",
    "ParallelReductionFactorInPlane": 2,
    "PatientPosition": "HFS",
    "PhaseEncodingDirection": "j",
    "PhilipsRescaleIntercept": 0,
    "PhilipsRescaleSlope": 0.77338,
    "PhilipsScaleSlope": 0.0530756,
    "ProtocolName": "WIPpiopgstroopSENSE",
    "PulseSequenceType": "gradient echo EPI",
    "ReconMatrixPE": 80,
    "RepetitionTime": 2,
    "SeriesDescription": "ImageMRSERIES",
    "SeriesNumber": 3,
    "SliceEncodingDirection": "k",
    "SliceTiming": [
      0.0,
      0.0541,
      0.1081,
      0.1622,
      0.2162,
      0.2703,
      0.3243,
      0.3784,
      0.4324,
      0.4865,
      0.5405,
      0.5946,
      0.6486,
      0.7027,
      0.7568,
      0.8108,
      0.8649,
      0.9189,
      0.973,
      1.027,
      1.0811,
      1.1351,
      1.1892,
      1.2432,
      1.2973,
      1.3514,
      1.4054,
      1.4595,
      1.5135,
      1.5676,
      1.6216,
      1.6757,
      1.7297,
      1.7838,
      1.8378,
      1.8919,
      1.9459
    ],
    "TaskName": "gstroop",
    "TotalReadoutTime": 0.025822520692561732,
    "UsePhilipsFloatNotDisplayScaling": 1,
    "acq_id": "seq",
    "dataset": "ds002785",
    "modality": "bold",
    "subject_id": "0146",
    "task_id": "gstroop"
  },
  "dummy_trs": 0,
  "dvars_nstd": 19.667689471967204,
  "dvars_std": 1.2307037195081978,
  "dvars_vstd": 0.9958740540573772,
  "efc": 0.45916793867547606,
  "fber": 139399.296875,
  "fd_mean": 0.08744022249990895,
  "fd_num": 3,
  "fd_perc": 1.2244897959183674,
  "fwhm_avg": 1.8121939476693045,
  "fwhm_x": 1.78243,
  "fwhm_y": 1.9360366666666666,
  "fwhm_z": 1.7181151763412472,
  "gcor": 0.0567156,
  "gsr_x": -0.009111749939620495,
  "gsr_y": 0.016872886568307877,
  "provenance": {
    "md5sum": "c235f2290d3f63974c91928a8fd6c578",
    "settings": {
      "fd_thres": 0.2,
      "testing": false
    },
    "software": "mriqc",
    "version": "22.0.0rc1",
    "webapi_port": null,
    "webapi_url": "https://mriqc.nimh.nih.gov/api/v1"
  },
  "size_t": 245,
  "size_x": 80,
  "size_y": 80,
  "size_z": 37,
  "snr": 5.434074496196073,
  "spacing_tr": 2.0,
  "spacing_x": 3.0,
  "spacing_y": 3.0,
  "spacing_z": 3.299999952316284,
  "summary_bg_k": 68.4760869155184,
  "summary_bg_mad": 69.84535041503742,
  "summary_bg_mean": 759.555419921875,
  "summary_bg_median": 65.75629425048828,
  "summary_bg_n": 153334.0,
  "summary_bg_p05": 4.8747519016265874,
  "summary_bg_p95": 4090.543334960938,
  "summary_bg_stdv": 2191.5185546875,
  "summary_fg_k": 2.5507181270382624,
  "summary_fg_mad": 4146.459067483168,
  "summary_fg_mean": 25608.529296875,
  "summary_fg_median": 25259.82421875,
  "summary_fg_n": 39846.0,
  "summary_fg_p05": 18902.0546875,
  "summary_fg_p95": 32939.01171875,
  "summary_fg_stdv": 4648.35498046875,
  "tsnr": 81.59497833251953
}