{
  "bids_meta": {
    "AcquisitionNumber": 4,
    "BidsifyVersion": "0.3.5",
    "ConversionSoftware": "dcm2niix",
    "ConversionSoftwareVersion": "v1.0.20181125  GCC6.3.0",
    "EchoTime": 0.00375,
    "ImageComments": "PIOP",
    "ImageOrientationPatientDICOM": [
      0.999489,
      0.0319134,
      -0.0015537,
      -0.0319341,
      0.999364,
      -0.0158403
    ],
    "Manufacturer": "Philips",
    "PatientPosition": "HFS",
    "PhilipsRescaleIntercept": 0,
    "PhilipsRescaleSlope": 9.2254,
    "PhilipsScaleSlope": 0.00757873,
    "ProtocolName": "WIPt13dSENSE",
    "ReconMatrixPE": 240,
    "RepetitionTime": 0.008174,
    "SeriesDescription": "ImageMRSERIES",
    "SeriesNumber": 4,
    "UsePhilipsFloatNotDisplayScaling": 1,
    "dataset": "ds002785",
    "modality": "T1w",
    "subject_id": "0083"
  },
  "cjv": 0.32197915277004846,
  "cnr": 3.936454089457847,
  "efc": 0.773725629103775,
  "fber": 1290.143310546875,
  "fwhm_avg": 3.8674634111358768,
  "fwhm_x": 3.67571,
  "fwhm_y": 4.01075,
  "fwhm_z": 3.9159302334076305,
  "icvs_csf": 0.23505593814770218,
  "icvs_gm": 0.40527692489824535,
  "icvs_wm": 0.3596671369540525,
  "inu_med": 1.150771975517273,
  "inu_range": 0.3427487134933471,
  "provenance": {
    "md5sum": "16fe3604347ec92e8d29b916f21e2439",
    "settings": {
      "testing": false
    },
    "software": "mriqc",
    "version": "22.0.0rc1",
    "warnings": {
      "large_rot_frame": true,
      "small_air_mask": true
    },
    "webapi_port": null,
    "webapi_url": "https://mriqc.nimh.nih.gov/api/v1"
  },
  "qi_1": 0.0,
  "qi_2": 0.00024363038496949923,
  "rpve_csf": 23.14895921357063,
  "rpve_gm": 13.622237320868939,
  "rpve_wm": 19.73559126576249,
  "size_x": 240,
  "size_y": 240,
  "size_z": 220,
  "snr_csf": 3.6708105847681494,
  "snr_gm": 7.900598151478366,
  "snr_total": 10.632511653708073,
  "snr_wm": 20.326126224877704,
  "snrd_csf": 22.237586582183827,
  "snrd_gm": 39.96422528771158,
  "snrd_total": 41.925772917911196,
  "snrd_wm": 63.5755068838382,
  "spacing_x": 1.0,
  "spacing_y": 1.0,
  "spacing_z": 0.9999999403953552,
  "summary_bg_k": 48.746485441136315,
  "summary_bg_mad": 10.304826029730394,
  "summary_bg_mean": 13.988689422607422,
  "summary_bg_median": 13.885822296142578,
  "summary_bg_n": 114493.0,
  "summary_bg_p05": 0.0,
  "summary_bg_p95": 35.12588729858398,
  "summary_bg_stdv": 12.269371032714844,
  "summary_csf_k": 1.0115131886551838,
  "summary_csf_mad": 83.54140901370073,
  "summary_csf_mean": 339.2716979980469,
  "summary_csf_median": 349.78131103515625,
  "summary_csf_n": 8232.0,
  "summary_csf_p05": 155.2397575378418,
  "summary_csf_p95": 472.79078369140626,
  "summary_csf_stdv": 95.28142547607422,
  "summary_gm_k": 0.32316192807169575,
  "summary_gm_mad": 75.70297777470363,
  "summary_gm_mean": 632.4712524414062,
  "summary_gm_median": 628.608642578125,
  "summary_gm_n": 20286.0,
  "summary_gm_p05": 507.7691116333008,
  "summary_gm_p95": 771.9683990478516,
  "summary_gm_stdv": 79.56272888183594,
  "summary_wm_k": 1.2049144562190213,
  "summary_wm_mad": 43.8763928399066,
  "summary_wm_mean": 996.89794921875,
  "summary_wm_median": 999.9971923828125,
  "summary_wm_n": 215387.0,
  "summary_wm_p05": 910.7383056640625,
  "summary_wm_p95": 1070.4991333007813,
  "summary_wm_stdv": 49.197513580322266,
  "tpm_overlap_csf": 0.14759236574172974,
  "tpm_overlap_gm": 0.438985675573349,
  "tpm_overlap_wm": 0.499466210603714,
  "wm2max": 0.7158614509606914
}