{
  "bids_meta": {
    "AcquisitionNumber": 4,
    "BidsifyVersion": "0.3.5",
    "ConversionSoftware": "dcm2niix",
    "ConversionSoftwareVersion": "v1.0.20181125  GCC6.3.0",
    "EchoTime": 0.00378,
    "ImageComments": "Piop",
    "ImageOrientationPatientDICOM": [
      0.999423,
      0.0339338,
      -0.00116744,
      -0.0338528,
      0.993208,
      -0.11132
    ],
    "Manufacturer": "Philips",
    "PatientPosition": "HFS",
    "PhilipsRescaleIntercept": 0,
    "PhilipsRescaleSlope": 9.18486,
    "PhilipsScaleSlope": 0.00686815,
    "ProtocolName": "WIPt13dSENSE",
    "ReconMatrixPE": 240,
    "RepetitionTime": 0.008228,
    "SeriesDescription": "ImageMRSERIES",
    "SeriesNumber": 4,
    "UsePhilipsFloatNotDisplayScaling": 1,
    "dataset": "ds002785",
    "modality": "T1w",
    "subject_id": "0193"
  },
  "cjv": 0.3266665175601344,
  "cnr": 3.789072793401999,
  "efc": 0.7796554896119685,
  "fber": 1223.959716796875,
  "fwhm_avg": 3.39197,
  "fwhm_x": 3.42241,
  "fwhm_y": 3.48892,
  "fwhm_z": 3.26458,
  "icvs_csf": 0.20947575476588612,
  "icvs_gm": 0.43179647214068256,
  "icvs_wm": 0.3587277730934313,
  "inu_med": 0.8432913422584534,
  "inu_range": 0.30020307004451763,
  "provenance": {
    "md5sum": "dcba736ea87c9deeb2a090cc74c5875c",
    "settings": {
      "testing": false
    },
    "software": "mriqc",
    "version": "22.0.0rc1",
    "warnings": {
      "large_rot_frame": true,
      "small_air_mask": true
    },
    "webapi_port": null,
    "webapi_url": "https://mriqc.nimh.nih.gov/api/v1"
  },
  "qi_1": 0.0,
  "qi_2": 0.00013595324788316865,
  "rpve_csf": 25.109022789509584,
  "rpve_gm": 13.04281452648039,
  "rpve_wm": 19.990841979313124,
  "size_x": 240,
  "size_y": 240,
  "size_z": 220,
  "snr_csf": 2.4249780466375483,
  "snr_gm": 6.774013727730279,
  "snr_total": 8.82881458320506,
  "snr_wm": 17.287451975247357,
  "snrd_csf": 20.479746998284917,
  "snrd_gm": 37.62630046486338,
  "snrd_total": 40.35253631773291,
  "snrd_wm": 62.95156149005045,
  "spacing_x": 1.0,
  "spacing_y": 1.0,
  "spacing_z": 1.0,
  "summary_bg_k": 3.858395464671424,
  "summary_bg_mad": 10.406992329363103,
  "summary_bg_mean": 15.027946472167969,
  "summary_bg_median": 14.003255844116211,
  "summary_bg_n": 133432.0,
  "summary_bg_p05": 0.0,
  "summary_bg_p95": 35.39048595428467,
  "summary_bg_stdv": 11.9055757522583,
  "summary_csf_k": 24.819776434827986,
  "summary_csf_mad": 115.75169780939974,
  "summary_csf_mean": 303.00390625,
  "summary_csf_median": 325.32550048828125,
  "summary_csf_n": 4807.0,
  "summary_csf_p05": 85.28241729736328,
  "summary_csf_p95": 461.7436920166015,
  "summary_csf_stdv": 134.14210510253906,
  "summary_gm_k": 0.5485328245606431,
  "summary_gm_mad": 79.78877575253905,
  "summary_gm_mean": 602.1610717773438,
  "summary_gm_median": 597.7024536132812,
  "summary_gm_n": 17755.0,
  "summary_gm_p05": 462.7839080810547,
  "summary_gm_p95": 757.8290954589844,
  "summary_gm_stdv": 88.23212432861328,
  "summary_wm_k": 1.0379767095542913,
  "summary_wm_mad": 51.62838268673893,
  "summary_wm_mean": 995.9115600585938,
  "summary_wm_median": 1000.0000610351562,
  "summary_wm_n": 199969.0,
  "summary_wm_p05": 892.85029296875,
  "summary_wm_p95": 1082.533935546875,
  "summary_wm_stdv": 57.84528350830078,
  "tpm_overlap_csf": 0.15254779160022736,
  "tpm_overlap_gm": 0.44014641642570496,
  "tpm_overlap_wm": 0.49295419454574585,
  "wm2max": 0.6004847162911919
}