{
  "bids_meta": {
    "AcquisitionNumber": 4,
    "BidsifyVersion": "0.3.5",
    "ConversionSoftware": "dcm2niix",
    "ConversionSoftwareVersion": "v1.0.20181125  GCC6.3.0",
    "EchoTime": 0.00376,
    "ImageComments": "Piop",
    "ImageOrientationPatientDICOM": [
      0.995355,
      0.0958781,
      -0.00874849,
      -0.0956664,
      0.995169,
      0.0220551
    ],
    "Manufacturer": "Philips",
    "PatientPosition": "HFS",
    "PhilipsRescaleIntercept": 0,
    "PhilipsRescaleSlope": 8.75116,
    "PhilipsScaleSlope": 0.00685773,
    "ProtocolName": "WIPt13dSENSE",
    "ReconMatrixPE": 240,
    "RepetitionTime": 0.008167,
    "SeriesDescription": "ImageMRSERIES",
    "SeriesNumber": 4,
    "UsePhilipsFloatNotDisplayScaling": 1,
    "dataset": "ds002785",
    "modality": "T1w",
    "subject_id": "0176"
  },
  "cjv": 0.36321019150133765,
  "cnr": 3.3384472806191923,
  "efc": 0.7428765070948405,
  "fber": 1789.67138671875,
  "fwhm_avg": 3.563210212383879,
  "fwhm_x": 3.5257302101498964,
  "fwhm_y": 3.724070221971883,
  "fwhm_z": 3.4398302050298577,
  "icvs_csf": 0.24420137361118543,
  "icvs_gm": 0.3918089882988142,
  "icvs_wm": 0.36398963809000034,
  "inu_med": 2.1405630111694336,
  "inu_range": 0.523730266094208,
  "provenance": {
    "md5sum": "43e3dbf0f387eaf876d4390d67bb484b",
    "settings": {
      "testing": false
    },
    "software": "mriqc",
    "version": "22.0.0rc1",
    "warnings": {
      "large_rot_frame": true,
      "small_air_mask": true
    },
    "webapi_port": null,
    "webapi_url": "https://mriqc.nimh.nih.gov/api/v1"
  },
  "qi_1": 0.0,
  "qi_2": 0.00016958687855341082,
  "rpve_csf": 25.267608042263326,
  "rpve_gm": 15.342556368449877,
  "rpve_wm": 21.86925167967442,
  "size_x": 240,
  "size_y": 240,
  "size_z": 220,
  "snr_csf": 3.5307795766983125,
  "snr_gm": 7.166702700404601,
  "snr_total": 10.268251833777752,
  "snr_wm": 20.10727322423034,
  "snrd_csf": 29.021953510587164,
  "snrd_gm": 52.44655327414241,
  "snrd_total": 53.98820625961457,
  "snrd_wm": 80.49611199411414,
  "spacing_x": 0.9999999403953552,
  "spacing_y": 0.9999999403953552,
  "spacing_z": 0.9999999403953552,
  "summary_bg_k": 6.5725936512864624,
  "summary_bg_mad": 8.13864773937821,
  "summary_bg_mean": 13.514254570007324,
  "summary_bg_median": 10.70364761352539,
  "summary_bg_n": 226388.0,
  "summary_bg_p05": 0.0,
  "summary_bg_p95": 37.822722816467284,
  "summary_bg_stdv": 12.520792007446289,
  "summary_csf_k": 21.10712272626002,
  "summary_csf_mad": 84.18595277296957,
  "summary_csf_mean": 349.4001159667969,
  "summary_csf_median": 360.5347900390625,
  "summary_csf_n": 8764.0,
  "summary_csf_p05": 166.6577018737793,
  "summary_csf_p95": 482.87059783935547,
  "summary_csf_stdv": 102.10612487792969,
  "summary_gm_k": 0.925906330584735,
  "summary_gm_mad": 82.0775610255287,
  "summary_gm_mean": 658.125244140625,
  "summary_gm_median": 651.5346069335938,
  "summary_gm_n": 14885.0,
  "summary_gm_p05": 519.7619140625,
  "summary_gm_p95": 819.5117065429687,
  "summary_gm_stdv": 90.90829467773438,
  "summary_wm_k": 1.0768796591858685,
  "summary_wm_mad": 44.48480812409376,
  "summary_wm_mean": 998.9119262695312,
  "summary_wm_median": 999.989501953125,
  "summary_wm_n": 193882.0,
  "summary_wm_p05": 916.0326965332031,
  "summary_wm_p95": 1077.6003479003905,
  "summary_wm_stdv": 49.73259735107422,
  "tpm_overlap_csf": 0.1409706026315689,
  "tpm_overlap_gm": 0.4222143292427063,
  "tpm_overlap_wm": 0.4917405843734741,
  "wm2max": 0.7402469435826882
}