{
  "aor": 0.0003430962343096234,
  "aqi": 0.006609482217573222,
  "bids_meta": {
    "AcquisitionNumber": 7,
    "BidsifyVersion": "0.3.5",
    "ConversionSoftware": "dcm2niix",
    "ConversionSoftwareVersion": "v1.0.20181125  GCC6.3.0",
    "EchoTime": 0.02762,
    "EffectiveEchoSpacing": 0.0006333282667071997,
    "ImageComments": "piop",
    "ImageOrientationPatientDICOM": [
      0.999376,
      -0.00744666,
      0.0345273,
      0.0174442,
      0.954047,
      -0.29915
    ],
    "Manufacturer": "Philips",
    "NumberOfVolumesDiscardedByScanner": 2,
    "ParallelAcquisitionTechnique": "SENSE",
    "ParallelReductionFactorInPlane": 2,
    "PatientPosition": "HFS",
    "PhaseEncodingDirection": "j",
    "PhilipsRescaleIntercept": 0,
    "PhilipsRescaleSlope": 0.81441,
    "PhilipsScaleSlope": 0.082956,
    "ProtocolName": "WIPpioprsSENSE",
    "PulseSequenceType": "gradient echo EPI",
    "ReconMatrixPE": 80,
    "RepetitionTime": 0.75,
    "SeriesDescription": "ImageMRSERIES",
    "SeriesNumber": 7,
    "SliceEncodingDirection": "k",
    "SliceTiming": [
      0.0,
      0.06755050505050506,
      0.1351010101010101,
      0.20265151515151517,
      0.2702020202020202,
      0.3377525252525253,
      0.40530303030303033,
      0.47285353535353536,
      0.5404040404040404,
      0.6079545454545455,
      0.6755050505050506,
      0.7430555555555556,
      0.0,
      0.06755050505050506,
      0.1351010101010101,
      0.20265151515151517,
      0.2702020202020202,
      0.3377525252525253,
      0.40530303030303033,
      0.47285353535353536,
      0.5404040404040404,
      0.6079545454545455,
      0.6755050505050506,
      0.7430555555555556,
      0.0,
      0.06755050505050506,
      0.1351010101010101,
      0.20265151515151517,
      0.2702020202020202,
      0.3377525252525253,
      0.40530303030303033,
      0.47285353535353536,
      0.5404040404040404,
      0.6079545454545455,
      0.6755050505050506,
      0.7430555555555556
    ],
    "TaskName": "restingstate",
    "TotalReadoutTime": 0.024699802401580786,
    "UsePhilipsFloatNotDisplayScaling": 1,
    "acq_id": "mb3",
    "dataset": "ds002785",
    "modality": "bold",
    "subject_id": "0150",
    "task_id": "restingstate"
  },
  "dummy_trs": 2,
  "dvars_nstd": 29.063111895094345,
  "dvars_std": 1.126641235324947,
  "dvars_vstd": 1.0082779876729573,
  "efc": 0.44711518632388425,
  "fber": 117836.28125,
  "fd_mean": 0.09826689363765677,
  "fd_num": 11,
  "fd_perc": 2.301255230125523,
  "fwhm_avg": 1.9072188976535414,
  "fwhm_x": 1.9109066666666665,
  "fwhm_y": 1.9910500000000002,
  "fwhm_z": 1.8197000262939573,
  "gcor": 0.00892004,
  "gsr_x": -0.026855532079935074,
  "gsr_y": 0.013424299657344818,
  "provenance": {
    "md5sum": "2dd27892ec3b24e69a007e81de458592",
    "settings": {
      "fd_thres": 0.2,
      "testing": false
    },
    "software": "mriqc",
    "version": "22.0.0rc1",
    "webapi_port": null,
    "webapi_url": "https://mriqc.nimh.nih.gov/api/v1"
  },
  "size_t": 478,
  "size_x": 80,
  "size_y": 80,
  "size_z": 36,
  "snr": 5.522491201783741,
  "spacing_tr": 0.75,
  "spacing_x": 3.0,
  "spacing_y": 3.0,
  "spacing_z": 3.299999952316284,
  "summary_bg_k": 29.19249915298373,
  "summary_bg_mad": 54.63930904370616,
  "summary_bg_mean": 448.1085510253906,
  "summary_bg_median": 48.849327087402344,
  "summary_bg_n": 151521.0,
  "summary_bg_p05": 3.5012364387512207,
  "summary_bg_p95": 2321.322998046875,
  "summary_bg_stdv": 1216.80078125,
  "summary_fg_k": 0.7276717614733421,
  "summary_fg_mad": 2994.4387755804964,
  "summary_fg_mean": 17629.900390625,
  "summary_fg_median": 17464.64453125,
  "summary_fg_n": 36900.0,
  "summary_fg_p05": 12846.766015625,
  "summary_fg_p95": 23072.950390625,
  "summary_fg_stdv": 3162.414794921875,
  "tsnr": 53.716819763183594
}