{
  "aor": 0.00075135,
  "aqi": 0.0029202740500000003,
  "bids_meta": {
    "AcquisitionNumber": 10,
    "BidsifyVersion": "0.3.5",
    "ConversionSoftware": "dcm2niix",
    "ConversionSoftwareVersion": "v1.0.20181125  GCC6.3.0",
    "EchoTime": 0.02762,
    "EffectiveEchoSpacing": 0.0006621159151938905,
    "ImageComments": "piop",
    "ImageOrientationPatientDICOM": [
      0.999376,
      -0.00744666,
      0.0345273,
      0.0174442,
      0.954047,
      -0.29915
    ],
    "Manufacturer": "Philips",
    "NumberOfVolumesDiscardedByScanner": 2,
    "ParallelAcquisitionTechnique": "SENSE",
    "ParallelReductionFactorInPlane": 2,
    "PatientPosition": "HFS",
    "PhaseEncodingDirection": "j",
    "PhilipsRescaleIntercept": 0,
    "PhilipsRescaleSlope": 0.83175,
    "PhilipsScaleSlope": 0.0532967,
    "ProtocolName": "WIPpiopanticipatieSENSE",
    "PulseSequenceType": "gradient echo EPI",
    "ReconMatrixPE": 80,
    "RepetitionTime": 2,
    "SeriesDescription": "ImageMRSERIES",
    "SeriesNumber": 10,
    "SliceEncodingDirection": "k",
    "SliceTiming": [
      0.0,
      0.0541,
      0.1081,
      0.1622,
      0.2162,
      0.2703,
      0.3243,
      0.3784,
      0.4324,
      0.4865,
      0.5405,
      0.5946,
      0.6486,
      0.7027,
      0.7568,
      0.8108,
      0.8649,
      0.9189,
      0.973,
      1.027,
      1.0811,
      1.1351,
      1.1892,
      1.2432,
      1.2973,
      1.3514,
      1.4054,
      1.4595,
      1.5135,
      1.5676,
      1.6216,
      1.6757,
      1.7297,
      1.7838,
      1.8378,
      1.8919,
      1.9459
    ],
    "TaskName": "anticipation",
    "TotalReadoutTime": 0.025822520692561732,
    "UsePhilipsFloatNotDisplayScaling": 1,
    "acq_id": "seq",
    "dataset": "ds002785",
    "modality": "bold",
    "subject_id": "0150",
    "task_id": "anticipation"
  },
  "dummy_trs": 0,
  "dvars_nstd": 25.162242659145733,
  "dvars_std": 1.362075026080402,
  "dvars_vstd": 0.99844027201005,
  "efc": 0.43934067828664536,
  "fber": 149442.359375,
  "fd_mean": 0.08278419027996708,
  "fd_num": 1,
  "fd_perc": 0.5,
  "fwhm_avg": 1.8189954630583773,
  "fwhm_x": 1.7781833333333334,
  "fwhm_y": 1.9113666666666667,
  "fwhm_z": 1.7674363891751317,
  "gcor": 0.0159891,
  "gsr_x": -0.025172144174575806,
  "gsr_y": 0.013557021506130695,
  "provenance": {
    "md5sum": "70b63133cc66f3c8ce87bb348e145045",
    "settings": {
      "fd_thres": 0.2,
      "testing": false
    },
    "software": "mriqc",
    "version": "22.0.0rc1",
    "webapi_port": null,
    "webapi_url": "https://mriqc.nimh.nih.gov/api/v1"
  },
  "size_t": 200,
  "size_x": 80,
  "size_y": 80,
  "size_z": 37,
  "snr": 4.8362269246751834,
  "spacing_tr": 2.0,
  "spacing_x": 3.0,
  "spacing_y": 3.0,
  "spacing_z": 3.299999952316284,
  "summary_bg_k": 31.225277973883756,
  "summary_bg_mad": 64.27110648875305,
  "summary_bg_mean": 582.3277587890625,
  "summary_bg_median": 58.961483001708984,
  "summary_bg_n": 156618.0,
  "summary_bg_p05": 4.4298837184906015,
  "summary_bg_p95": 2996.886303710937,
  "summary_bg_stdv": 1678.8985595703125,
  "summary_fg_k": 2.5973403793672256,
  "summary_fg_mad": 4116.145353958898,
  "summary_fg_mean": 24192.4140625,
  "summary_fg_median": 23511.080078125,
  "summary_fg_n": 37546.0,
  "summary_fg_p05": 17548.5107421875,
  "summary_fg_p95": 32731.744140625,
  "summary_fg_stdv": 4861.38623046875,
  "tsnr": 89.9321060180664
}