{
  "aor": 0.000966888888888889,
  "aqi": 0.0026911915555555554,
  "bids_meta": {
    "AcquisitionNumber": 6,
    "BidsifyVersion": "0.3.5",
    "ConversionSoftware": "dcm2niix",
    "ConversionSoftwareVersion": "v1.0.20181125  GCC6.3.0",
    "EchoTime": 0.02762,
    "EffectiveEchoSpacing": 0.0006621159151938905,
    "ImageComments": "piop",
    "ImageOrientationPatientDICOM": [
      0.999376,
      -0.00744666,
      0.0345273,
      0.0174442,
      0.954047,
      -0.29915
    ],
    "Manufacturer": "Philips",
    "NumberOfVolumesDiscardedByScanner": 2,
    "ParallelAcquisitionTechnique": "SENSE",
    "ParallelReductionFactorInPlane": 2,
    "PatientPosition": "HFS",
    "PhaseEncodingDirection": "j",
    "PhilipsRescaleIntercept": 0,
    "PhilipsRescaleSlope": 0.77973,
    "PhilipsScaleSlope": 0.0539201,
    "ProtocolName": "WIPpiopharririSENSE",
    "PulseSequenceType": "gradient echo EPI",
    "ReconMatrixPE": 80,
    "RepetitionTime": 2,
    "SeriesDescription": "ImageMRSERIES",
    "SeriesNumber": 6,
    "SliceEncodingDirection": "k",
    "SliceTiming": [
      0.0,
      0.0541,
      0.1081,
      0.1622,
      0.2162,
      0.2703,
      0.3243,
      0.3784,
      0.4324,
      0.4865,
      0.5405,
      0.5946,
      0.6486,
      0.7027,
      0.7568,
      0.8108,
      0.8649,
      0.9189,
      0.973,
      1.027,
      1.0811,
      1.1351,
      1.1892,
      1.2432,
      1.2973,
      1.3514,
      1.4054,
      1.4595,
      1.5135,
      1.5676,
      1.6216,
      1.6757,
      1.7297,
      1.7838,
      1.8378,
      1.8919,
      1.9459
    ],
    "TaskName": "emomatching",
    "TotalReadoutTime": 0.025822520692561732,
    "UsePhilipsFloatNotDisplayScaling": 1,
    "acq_id": "seq",
    "dataset": "ds002785",
    "modality": "bold",
    "subject_id": "0150",
    "task_id": "emomatching"
  },
  "dummy_trs": 0,
  "dvars_nstd": 25.30180812947761,
  "dvars_std": 1.3986290589552242,
  "dvars_vstd": 1.0083366818656716,
  "efc": 0.43935932759966506,
  "fber": 146527.96875,
  "fd_mean": 0.07470605931927364,
  "fd_num": 0,
  "fd_perc": 0.0,
  "fwhm_avg": 1.8399089984765855,
  "fwhm_x": 1.80302,
  "fwhm_y": 1.9358433333333334,
  "fwhm_z": 1.7808636620964233,
  "gcor": 0.0203875,
  "gsr_x": -0.025167783722281456,
  "gsr_y": 0.013605657033622265,
  "provenance": {
    "md5sum": "a0e167637aee20c0d6ee6f35e6b82ed2",
    "settings": {
      "fd_thres": 0.2,
      "testing": false
    },
    "software": "mriqc",
    "version": "22.0.0rc1",
    "webapi_port": null,
    "webapi_url": "https://mriqc.nimh.nih.gov/api/v1"
  },
  "size_t": 135,
  "size_x": 80,
  "size_y": 80,
  "size_z": 37,
  "snr": 4.768171491654298,
  "spacing_tr": 2.0,
  "spacing_x": 3.0,
  "spacing_y": 3.0,
  "spacing_z": 3.299999952316284,
  "summary_bg_k": 31.65454884445468,
  "summary_bg_mad": 65.01883527676763,
  "summary_bg_mean": 586.3401489257812,
  "summary_bg_median": 59.8201904296875,
  "summary_bg_n": 156561.0,
  "summary_bg_p05": 4.46038293838501,
  "summary_bg_p95": 3013.2333984375,
  "summary_bg_stdv": 1691.0615234375,
  "summary_fg_k": 2.3704480157150423,
  "summary_fg_mad": 4229.586141480512,
  "summary_fg_mean": 24335.177734375,
  "summary_fg_median": 23645.6171875,
  "summary_fg_n": 37498.0,
  "summary_fg_p05": 17503.20234375,
  "summary_fg_p95": 32949.016796875,
  "summary_fg_stdv": 4958.9873046875,
  "tsnr": 91.59680938720703
}