{
  "bids_meta": {
    "AcquisitionNumber": 4,
    "BidsifyVersion": "0.3.5",
    "ConversionSoftware": "dcm2niix",
    "ConversionSoftwareVersion": "v1.0.20181125  GCC6.3.0",
    "EchoTime": 0.0038,
    "ImageComments": "piop",
    "ImageOrientationPatientDICOM": [
      0.995286,
      -0.0513242,
      0.0822928,
      0.0600025,
      0.992478,
      -0.10671
    ],
    "Manufacturer": "Philips",
    "PatientPosition": "HFS",
    "PhilipsRescaleIntercept": 0,
    "PhilipsRescaleSlope": 9.35287,
    "PhilipsScaleSlope": 0.00750002,
    "ProtocolName": "WIPt13dSENSE",
    "ReconMatrixPE": 240,
    "RepetitionTime": 0.008286,
    "SeriesDescription": "ImageMRSERIES",
    "SeriesNumber": 4,
    "UsePhilipsFloatNotDisplayScaling": 1,
    "dataset": "ds002785",
    "modality": "T1w",
    "subject_id": "0052"
  },
  "cjv": 0.3045195291820412,
  "cnr": 4.08788632551455,
  "efc": 0.7720236986264196,
  "fber": 590.1834106445312,
  "fwhm_avg": 3.62711,
  "fwhm_x": 3.54845,
  "fwhm_y": 3.88275,
  "fwhm_z": 3.45013,
  "icvs_csf": 0.21509324087727286,
  "icvs_gm": 0.4065512178943997,
  "icvs_wm": 0.3783555412283275,
  "inu_med": 2.5089855194091797,
  "inu_range": 0.6996830224990847,
  "provenance": {
    "md5sum": "9a13d4ff6b5dc000e7b4dc0f59791537",
    "settings": {
      "testing": false
    },
    "software": "mriqc",
    "version": "22.0.0rc1",
    "warnings": {
      "large_rot_frame": true,
      "small_air_mask": true
    },
    "webapi_port": null,
    "webapi_url": "https://mriqc.nimh.nih.gov/api/v1"
  },
  "qi_1": 0.0,
  "qi_2": 0.00030667085116191134,
  "rpve_csf": 22.783665177200447,
  "rpve_gm": 12.53942497426542,
  "rpve_wm": 17.993441981318718,
  "size_x": 240,
  "size_y": 240,
  "size_z": 220,
  "snr_csf": 2.1674053955712473,
  "snr_gm": 7.234417726112703,
  "snr_total": 10.178119949084081,
  "snr_wm": 21.132536725568293,
  "snrd_csf": 20.54263298011117,
  "snrd_gm": 40.545913164871386,
  "snrd_total": 42.70085925082367,
  "snrd_wm": 67.01403160748846,
  "spacing_x": 1.0,
  "spacing_y": 1.0,
  "spacing_z": 1.0,
  "summary_bg_k": 20.093707507442453,
  "summary_bg_mad": 9.775865253721767,
  "summary_bg_mean": 12.839981079101562,
  "summary_bg_median": 13.196209907531738,
  "summary_bg_n": 133827.0,
  "summary_bg_p05": 0.0,
  "summary_bg_p95": 33.02444229125977,
  "summary_bg_stdv": 10.09130859375,
  "summary_csf_k": 49.116396635644485,
  "summary_csf_mad": 146.07106701229802,
  "summary_csf_mean": 285.0276184082031,
  "summary_csf_median": 306.53466796875,
  "summary_csf_n": 5316.0,
  "summary_csf_p05": 68.71007919311523,
  "summary_csf_p95": 462.84014892578125,
  "summary_csf_stdv": 141.416015625,
  "summary_gm_k": 0.708081036631329,
  "summary_gm_mad": 77.17947186028996,
  "summary_gm_mean": 606.9111328125,
  "summary_gm_median": 605.0211791992188,
  "summary_gm_n": 14773.0,
  "summary_gm_p05": 473.8520141601563,
  "summary_gm_p95": 749.4312255859375,
  "summary_gm_stdv": 83.62811279296875,
  "summary_wm_k": 1.0411545984031445,
  "summary_wm_mad": 43.091746609641575,
  "summary_wm_mean": 997.8048706054688,
  "summary_wm_median": 999.9752197265625,
  "summary_wm_n": 244018.0,
  "summary_wm_p05": 916.7048950195312,
  "summary_wm_p95": 1070.5146545410157,
  "summary_wm_stdv": 47.31912612915039,
  "tpm_overlap_csf": 0.1575378030538559,
  "tpm_overlap_gm": 0.43462783098220825,
  "tpm_overlap_wm": 0.5025676488876343,
  "wm2max": 0.7623940717310459
}