{
  "aor": 0.0027071,
  "aqi": 0.005623150299999999,
  "bids_meta": {
    "AcquisitionNumber": 9,
    "BidsifyVersion": "0.3.5",
    "ConversionSoftware": "dcm2niix",
    "ConversionSoftwareVersion": "v1.0.20181125  GCC6.3.0",
    "EchoTime": 0.02762,
    "EffectiveEchoSpacing": 0.0006621159151938905,
    "ImageComments": "piop",
    "ImageOrientationPatientDICOM": [
      0.998144,
      -0.0582313,
      -0.0178361,
      0.0586014,
      0.998061,
      0.0209801
    ],
    "Manufacturer": "Philips",
    "NumberOfVolumesDiscardedByScanner": 2,
    "ParallelAcquisitionTechnique": "SENSE",
    "ParallelReductionFactorInPlane": 2,
    "PatientPosition": "HFS",
    "PhaseEncodingDirection": "j",
    "PhilipsRescaleIntercept": 0,
    "PhilipsRescaleSlope": 0.77656,
    "PhilipsScaleSlope": 0.0554264,
    "ProtocolName": "WIPpiopanticipatieSENSE",
    "PulseSequenceType": "gradient echo EPI",
    "ReconMatrixPE": 80,
    "RepetitionTime": 2,
    "SeriesDescription": "ImageMRSERIES",
    "SeriesNumber": 9,
    "SliceEncodingDirection": "k",
    "SliceTiming": [
      0.0,
      0.0541,
      0.1081,
      0.1622,
      0.2162,
      0.2703,
      0.3243,
      0.3784,
      0.4324,
      0.4865,
      0.5405,
      0.5946,
      0.6486,
      0.7027,
      0.7568,
      0.8108,
      0.8649,
      0.9189,
      0.973,
      1.027,
      1.0811,
      1.1351,
      1.1892,
      1.2432,
      1.2973,
      1.3514,
      1.4054,
      1.4595,
      1.5135,
      1.5676,
      1.6216,
      1.6757,
      1.7297,
      1.7838,
      1.8378,
      1.8919,
      1.9459
    ],
    "TaskName": "anticipation",
    "TotalReadoutTime": 0.025822520692561732,
    "UsePhilipsFloatNotDisplayScaling": 1,
    "acq_id": "seq",
    "dataset": "ds002785",
    "modality": "bold",
    "subject_id": "0124",
    "task_id": "anticipation"
  },
  "dummy_trs": 0,
  "dvars_nstd": 21.837322427085425,
  "dvars_std": 1.2622184785929649,
  "dvars_vstd": 1.0000891865829142,
  "efc": 0.3723698195152492,
  "fber": 219683.140625,
  "fd_mean": 0.14782332299290016,
  "fd_num": 41,
  "fd_perc": 20.5,
  "fwhm_avg": 1.7077070785016142,
  "fwhm_x": 1.6781499999999998,
  "fwhm_y": 1.8266833333333334,
  "fwhm_z": 1.6182879021715093,
  "gcor": 0.021025,
  "gsr_x": -0.02251940220594406,
  "gsr_y": 0.01041417196393013,
  "provenance": {
    "md5sum": "6951b2aa377b0090ce08aa6b881a6fb3",
    "settings": {
      "fd_thres": 0.2,
      "testing": false
    },
    "software": "mriqc",
    "version": "22.0.0rc1",
    "webapi_port": null,
    "webapi_url": "https://mriqc.nimh.nih.gov/api/v1"
  },
  "size_t": 200,
  "size_x": 80,
  "size_y": 80,
  "size_z": 37,
  "snr": 6.32351259191135,
  "spacing_tr": 2.0,
  "spacing_x": 3.0,
  "spacing_y": 3.0,
  "spacing_z": 3.299999952316284,
  "summary_bg_k": 155.45161290508352,
  "summary_bg_mad": 66.38483436898032,
  "summary_bg_mean": 558.7587280273438,
  "summary_bg_median": 55.207923889160156,
  "summary_bg_n": 171625.0,
  "summary_bg_p05": 1.0150407314300538,
  "summary_bg_p95": 2407.8777343749994,
  "summary_bg_stdv": 2253.566650390625,
  "summary_fg_k": 1.4077696979044276,
  "summary_fg_mad": 4301.199882624775,
  "summary_fg_mean": 26980.625,
  "summary_fg_median": 26679.103515625,
  "summary_fg_n": 26338.0,
  "summary_fg_p05": 20886.64775390625,
  "summary_fg_p95": 33713.414257812496,
  "summary_fg_stdv": 4218.9521484375,
  "tsnr": 79.101806640625
}