{
  "aor": 0.0017239183673469385,
  "aqi": 0.004527455224489795,
  "bids_meta": {
    "AcquisitionNumber": 3,
    "BidsifyVersion": "0.3.5",
    "ConversionSoftware": "dcm2niix",
    "ConversionSoftwareVersion": "v1.0.20181125  GCC6.3.0",
    "EchoTime": 0.02762,
    "EffectiveEchoSpacing": 0.0006621159151938905,
    "ImageComments": "piop",
    "ImageOrientationPatientDICOM": [
      0.998144,
      -0.0582313,
      -0.0178361,
      0.0586014,
      0.998061,
      0.0209801
    ],
    "Manufacturer": "Philips",
    "NumberOfVolumesDiscardedByScanner": 2,
    "ParallelAcquisitionTechnique": "SENSE",
    "ParallelReductionFactorInPlane": 2,
    "PatientPosition": "HFS",
    "PhaseEncodingDirection": "j",
    "PhilipsRescaleIntercept": 0,
    "PhilipsRescaleSlope": 0.95067,
    "PhilipsScaleSlope": 0.0470967,
    "ProtocolName": "WIPpiopgstroopSENSE",
    "PulseSequenceType": "gradient echo EPI",
    "ReconMatrixPE": 80,
    "RepetitionTime": 2,
    "SeriesDescription": "ImageMRSERIES",
    "SeriesNumber": 3,
    "SliceEncodingDirection": "k",
    "SliceTiming": [
      0.0,
      0.0541,
      0.1081,
      0.1622,
      0.2162,
      0.2703,
      0.3243,
      0.3784,
      0.4324,
      0.4865,
      0.5405,
      0.5946,
      0.6486,
      0.7027,
      0.7568,
      0.8108,
      0.8649,
      0.9189,
      0.973,
      1.027,
      1.0811,
      1.1351,
      1.1892,
      1.2432,
      1.2973,
      1.3514,
      1.4054,
      1.4595,
      1.5135,
      1.5676,
      1.6216,
      1.6757,
      1.7297,
      1.7838,
      1.8378,
      1.8919,
      1.9459
    ],
    "TaskName": "gstroop",
    "TotalReadoutTime": 0.025822520692561732,
    "UsePhilipsFloatNotDisplayScaling": 1,
    "acq_id": "seq",
    "dataset": "ds002785",
    "modality": "bold",
    "subject_id": "0124",
    "task_id": "gstroop"
  },
  "dummy_trs": 0,
  "dvars_nstd": 20.947671530573782,
  "dvars_std": 1.345462585614754,
  "dvars_vstd": 1.0096448980327868,
  "efc": 0.371862720369052,
  "fber": 243748.375,
  "fd_mean": 0.09431789904438674,
  "fd_num": 9,
  "fd_perc": 3.673469387755102,
  "fwhm_avg": 1.7408670785669587,
  "fwhm_x": 1.72438,
  "fwhm_y": 1.8663666666666667,
  "fwhm_z": 1.6318545690342088,
  "gcor": 0.0155659,
  "gsr_x": -0.022488266229629517,
  "gsr_y": 0.004449397791177034,
  "provenance": {
    "md5sum": "ddb3ecd78988a94bf0c8493ed1c02b47",
    "settings": {
      "fd_thres": 0.2,
      "testing": false
    },
    "software": "mriqc",
    "version": "22.0.0rc1",
    "webapi_port": null,
    "webapi_url": "https://mriqc.nimh.nih.gov/api/v1"
  },
  "size_t": 245,
  "size_x": 80,
  "size_y": 80,
  "size_z": 37,
  "snr": 6.130253888577152,
  "spacing_tr": 2.0,
  "spacing_x": 3.0,
  "spacing_y": 3.0,
  "spacing_z": 3.299999952316284,
  "summary_bg_k": 154.32872949798275,
  "summary_bg_mad": 64.06605703222141,
  "summary_bg_mean": 547.2913208007812,
  "summary_bg_median": 52.784645080566406,
  "summary_bg_n": 171309.0,
  "summary_bg_p05": 0.6964336276054383,
  "summary_bg_p95": 2314.4307128906253,
  "summary_bg_stdv": 2233.62939453125,
  "summary_fg_k": 1.8008538049131202,
  "summary_fg_mad": 4380.571224049068,
  "summary_fg_mean": 27184.357421875,
  "summary_fg_median": 26845.875,
  "summary_fg_n": 26401.0,
  "summary_fg_p05": 20872.705078125,
  "summary_fg_p95": 34160.2421875,
  "summary_fg_stdv": 4379.16064453125,
  "tsnr": 86.88973236083984
}