{
  "aor": 0.015231111111111108,
  "aqi": 0.017474944814814812,
  "bids_meta": {
    "AcquisitionNumber": 5,
    "BidsifyVersion": "0.3.5",
    "ConversionSoftware": "dcm2niix",
    "ConversionSoftwareVersion": "v1.0.20181125  GCC6.3.0",
    "EchoTime": 0.02762,
    "EffectiveEchoSpacing": 0.0006621159151938905,
    "ImageComments": "piop",
    "ImageOrientationPatientDICOM": [
      0.998144,
      -0.0582313,
      -0.0178361,
      0.0586014,
      0.998061,
      0.0209801
    ],
    "Manufacturer": "Philips",
    "NumberOfVolumesDiscardedByScanner": 2,
    "ParallelAcquisitionTechnique": "SENSE",
    "ParallelReductionFactorInPlane": 2,
    "PatientPosition": "HFS",
    "PhaseEncodingDirection": "j",
    "PhilipsRescaleIntercept": 0,
    "PhilipsRescaleSlope": 0.73626,
    "PhilipsScaleSlope": 0.0561475,
    "ProtocolName": "WIPpiopharririSENSE",
    "PulseSequenceType": "gradient echo EPI",
    "ReconMatrixPE": 80,
    "RepetitionTime": 2,
    "SeriesDescription": "ImageMRSERIES",
    "SeriesNumber": 5,
    "SliceEncodingDirection": "k",
    "SliceTiming": [
      0.0,
      0.0541,
      0.1081,
      0.1622,
      0.2162,
      0.2703,
      0.3243,
      0.3784,
      0.4324,
      0.4865,
      0.5405,
      0.5946,
      0.6486,
      0.7027,
      0.7568,
      0.8108,
      0.8649,
      0.9189,
      0.973,
      1.027,
      1.0811,
      1.1351,
      1.1892,
      1.2432,
      1.2973,
      1.3514,
      1.4054,
      1.4595,
      1.5135,
      1.5676,
      1.6216,
      1.6757,
      1.7297,
      1.7838,
      1.8378,
      1.8919,
      1.9459
    ],
    "TaskName": "emomatching",
    "TotalReadoutTime": 0.025822520692561732,
    "UsePhilipsFloatNotDisplayScaling": 1,
    "acq_id": "seq",
    "dataset": "ds002785",
    "modality": "bold",
    "subject_id": "0124",
    "task_id": "emomatching"
  },
  "dummy_trs": 0,
  "dvars_nstd": 33.779892010373146,
  "dvars_std": 1.2682831418656728,
  "dvars_vstd": 1.057918092238806,
  "efc": 0.3731459147307636,
  "fber": 225127.4375,
  "fd_mean": 0.5732631335726959,
  "fd_num": 86,
  "fd_perc": 63.7037037037037,
  "fwhm_avg": 1.745753543374967,
  "fwhm_x": 1.71053,
  "fwhm_y": 1.8613366666666666,
  "fwhm_z": 1.665393963458234,
  "gcor": 0.0352326,
  "gsr_x": -0.022800860926508904,
  "gsr_y": 0.009872695431113243,
  "provenance": {
    "md5sum": "472fc01152c7261564ec291a19343cc7",
    "settings": {
      "fd_thres": 0.2,
      "testing": false
    },
    "software": "mriqc",
    "version": "22.0.0rc1",
    "webapi_port": null,
    "webapi_url": "https://mriqc.nimh.nih.gov/api/v1"
  },
  "size_t": 135,
  "size_x": 80,
  "size_y": 80,
  "size_z": 37,
  "snr": 6.211060986242649,
  "spacing_tr": 2.0,
  "spacing_x": 3.0,
  "spacing_y": 3.0,
  "spacing_z": 3.299999952316284,
  "summary_bg_k": 156.7603188174507,
  "summary_bg_mad": 64.61665784858403,
  "summary_bg_mean": 569.0338745117188,
  "summary_bg_median": 55.38595199584961,
  "summary_bg_n": 171646.0,
  "summary_bg_p05": 1.5628870725631714,
  "summary_bg_p95": 2473.197509765625,
  "summary_bg_stdv": 2244.4775390625,
  "summary_fg_k": 1.5365782313067866,
  "summary_fg_mad": 4412.287907836748,
  "summary_fg_mean": 27253.509765625,
  "summary_fg_median": 26938.859375,
  "summary_fg_n": 26342.0,
  "summary_fg_p05": 20972.37431640625,
  "summary_fg_p95": 34163.6015625,
  "summary_fg_stdv": 4337.1572265625,
  "tsnr": 44.180503845214844
}