{
  "aor": 0.0009434655532359083,
  "aqi": 0.013683626597077244,
  "bids_meta": {
    "AcquisitionNumber": 6,
    "BidsifyVersion": "0.3.5",
    "ConversionSoftware": "dcm2niix",
    "ConversionSoftwareVersion": "v1.0.20181125  GCC6.3.0",
    "EchoTime": 0.02762,
    "EffectiveEchoSpacing": 0.0006333282667071997,
    "ImageComments": "piop",
    "ImageOrientationPatientDICOM": [
      0.998144,
      -0.0582313,
      -0.0178361,
      0.0586014,
      0.998061,
      0.0209801
    ],
    "Manufacturer": "Philips",
    "NumberOfVolumesDiscardedByScanner": 2,
    "ParallelAcquisitionTechnique": "SENSE",
    "ParallelReductionFactorInPlane": 2,
    "PatientPosition": "HFS",
    "PhaseEncodingDirection": "j",
    "PhilipsRescaleIntercept": 0,
    "PhilipsRescaleSlope": 0.74945,
    "PhilipsScaleSlope": 0.0960109,
    "ProtocolName": "WIPpioprsSENSE",
    "PulseSequenceType": "gradient echo EPI",
    "ReconMatrixPE": 80,
    "RepetitionTime": 0.75,
    "SeriesDescription": "ImageMRSERIES",
    "SeriesNumber": 6,
    "SliceEncodingDirection": "k",
    "SliceTiming": [
      0.0,
      0.06755050505050506,
      0.1351010101010101,
      0.20265151515151517,
      0.2702020202020202,
      0.3377525252525253,
      0.40530303030303033,
      0.47285353535353536,
      0.5404040404040404,
      0.6079545454545455,
      0.6755050505050506,
      0.7430555555555556,
      0.0,
      0.06755050505050506,
      0.1351010101010101,
      0.20265151515151517,
      0.2702020202020202,
      0.3377525252525253,
      0.40530303030303033,
      0.47285353535353536,
      0.5404040404040404,
      0.6079545454545455,
      0.6755050505050506,
      0.7430555555555556,
      0.0,
      0.06755050505050506,
      0.1351010101010101,
      0.20265151515151517,
      0.2702020202020202,
      0.3377525252525253,
      0.40530303030303033,
      0.47285353535353536,
      0.5404040404040404,
      0.6079545454545455,
      0.6755050505050506,
      0.7430555555555556
    ],
    "TaskName": "restingstate",
    "TotalReadoutTime": 0.024699802401580786,
    "UsePhilipsFloatNotDisplayScaling": 1,
    "acq_id": "mb3",
    "dataset": "ds002785",
    "modality": "bold",
    "subject_id": "0124",
    "task_id": "restingstate"
  },
  "dummy_trs": 1,
  "dvars_nstd": 22.284891755104617,
  "dvars_std": 1.0305178581799173,
  "dvars_vstd": 0.9776685494769887,
  "efc": 0.3793488875328324,
  "fber": 255134.609375,
  "fd_mean": 0.13232162272233428,
  "fd_num": 56,
  "fd_perc": 11.691022964509395,
  "fwhm_avg": 1.72843202795844,
  "fwhm_x": 1.69489,
  "fwhm_y": 1.8800333333333334,
  "fwhm_z": 1.610372750541987,
  "gcor": 0.00937294,
  "gsr_x": -0.023207280784845352,
  "gsr_y": 0.00895974412560463,
  "provenance": {
    "md5sum": "acf3f52df61198a2301b696705cf2200",
    "settings": {
      "fd_thres": 0.2,
      "testing": false
    },
    "software": "mriqc",
    "version": "22.0.0rc1",
    "webapi_port": null,
    "webapi_url": "https://mriqc.nimh.nih.gov/api/v1"
  },
  "size_t": 479,
  "size_x": 80,
  "size_y": 80,
  "size_z": 36,
  "snr": 7.60096397686186,
  "spacing_tr": 0.75,
  "spacing_x": 3.0,
  "spacing_y": 3.0,
  "spacing_z": 3.299999952316284,
  "summary_bg_k": 117.09077621233871,
  "summary_bg_mad": 42.16622873608685,
  "summary_bg_mean": 382.64862060546875,
  "summary_bg_median": 34.383949279785156,
  "summary_bg_n": 166035.0,
  "summary_bg_p05": 0.6708809912204744,
  "summary_bg_p95": 1689.4540161132809,
  "summary_bg_stdv": 1408.9005126953125,
  "summary_fg_k": 1.4233892687654262,
  "summary_fg_mad": 2259.6493884739157,
  "summary_fg_mean": 17609.2890625,
  "summary_fg_median": 17553.42578125,
  "summary_fg_n": 26010.0,
  "summary_fg_p05": 14051.473193359376,
  "summary_fg_p95": 21278.3232421875,
  "summary_fg_stdv": 2309.323974609375,
  "tsnr": 50.42110061645508
}