{
  "bids_meta": {
    "AcquisitionNumber": 4,
    "BidsifyVersion": "0.3.5",
    "ConversionSoftware": "dcm2niix",
    "ConversionSoftwareVersion": "v1.0.20181125  GCC6.3.0",
    "EchoTime": 0.00378,
    "ImageComments": "piop",
    "ImageOrientationPatientDICOM": [
      0.998685,
      -0.0420524,
      0.0293081,
      0.0444768,
      0.995156,
      -0.0876772
    ],
    "Manufacturer": "Philips",
    "PatientPosition": "HFS",
    "PhilipsRescaleIntercept": 0,
    "PhilipsRescaleSlope": 9.28205,
    "PhilipsScaleSlope": 0.00765491,
    "ProtocolName": "WIPt13dSENSE",
    "ReconMatrixPE": 240,
    "RepetitionTime": 0.008223,
    "SeriesDescription": "ImageMRSERIES",
    "SeriesNumber": 4,
    "UsePhilipsFloatNotDisplayScaling": 1,
    "dataset": "ds002785",
    "modality": "T1w",
    "subject_id": "0036"
  },
  "cjv": 0.3161793280264535,
  "cnr": 3.933081024247951,
  "efc": 0.7546623253395444,
  "fber": 733.54638671875,
  "fwhm_avg": 3.5186434703232927,
  "fwhm_x": 3.503140208803428,
  "fwhm_y": 3.661,
  "fwhm_z": 3.39179020216645,
  "icvs_csf": 0.20586474275300154,
  "icvs_gm": 0.41861444992679975,
  "icvs_wm": 0.3755208073201987,
  "inu_med": 1.9571242332458496,
  "inu_range": 0.5144021749496459,
  "provenance": {
    "md5sum": "5ffd4ebce5ab4345f28051d68925b8f5",
    "settings": {
      "testing": false
    },
    "software": "mriqc",
    "version": "22.0.0rc1",
    "warnings": {
      "large_rot_frame": true,
      "small_air_mask": true
    },
    "webapi_port": null,
    "webapi_url": "https://mriqc.nimh.nih.gov/api/v1"
  },
  "qi_1": 0.0,
  "qi_2": 0.0001535979330294372,
  "rpve_csf": 27.47762993235379,
  "rpve_gm": 14.373631279773548,
  "rpve_wm": 20.8600061564126,
  "size_x": 240,
  "size_y": 240,
  "size_z": 220,
  "snr_csf": 2.69599183300414,
  "snr_gm": 7.577574717259039,
  "snr_total": 10.217567656925771,
  "snr_wm": 20.379136420514136,
  "snrd_csf": 23.948848301839792,
  "snrd_gm": 45.49110220521098,
  "snrd_total": 47.63451735487035,
  "snrd_wm": 73.46360155756027,
  "spacing_x": 0.9999999403953552,
  "spacing_y": 1.0,
  "spacing_z": 0.9999999403953552,
  "summary_bg_k": 289.08612342599315,
  "summary_bg_mad": 8.917694847800576,
  "summary_bg_mean": 14.976763725280762,
  "summary_bg_median": 11.93956184387207,
  "summary_bg_n": 153530.0,
  "summary_bg_p05": 0.0,
  "summary_bg_p95": 36.35728244781494,
  "summary_bg_stdv": 16.93799591064453,
  "summary_csf_k": 8.690071965318875,
  "summary_csf_mad": 107.55417622289382,
  "summary_csf_mean": 303.5732421875,
  "summary_csf_median": 325.9909362792969,
  "summary_csf_n": 4771.0,
  "summary_csf_p05": 96.67241668701172,
  "summary_csf_p95": 465.3501434326172,
  "summary_csf_stdv": 120.90421295166016,
  "summary_gm_k": 0.40445840313168846,
  "summary_gm_mad": 76.36767837260604,
  "summary_gm_mean": 622.03466796875,
  "summary_gm_median": 619.223388671875,
  "summary_gm_n": 20226.0,
  "summary_gm_p05": 491.95899963378906,
  "summary_gm_p95": 763.9088134765625,
  "summary_gm_stdv": 81.71586608886719,
  "summary_wm_k": 1.1080469933186823,
  "summary_wm_mad": 44.020997231091414,
  "summary_wm_mean": 997.6054077148438,
  "summary_wm_median": 999.984130859375,
  "summary_wm_n": 210094.0,
  "summary_wm_p05": 912.9475158691406,
  "summary_wm_p95": 1072.7105041503905,
  "summary_wm_stdv": 49.06889724731445,
  "tpm_overlap_csf": 0.16191263496875763,
  "tpm_overlap_gm": 0.4418644905090332,
  "tpm_overlap_wm": 0.5073477029800415,
  "wm2max": 0.7268694202721601
}