{
  "aor": 0.003838530612244898,
  "aqi": 0.005392378040816326,
  "bids_meta": {
    "AcquisitionNumber": 3,
    "BidsifyVersion": "0.3.5",
    "ConversionSoftware": "dcm2niix",
    "ConversionSoftwareVersion": "v1.0.20181125  GCC6.3.0",
    "EchoTime": 0.02762,
    "EffectiveEchoSpacing": 0.0006621159151938905,
    "ImageComments": "Piop",
    "ImageOrientationPatientDICOM": [
      0.998497,
      -0.0325675,
      -0.0440814,
      0.0202181,
      0.966451,
      -0.256053
    ],
    "Manufacturer": "Philips",
    "NumberOfVolumesDiscardedByScanner": 2,
    "ParallelAcquisitionTechnique": "SENSE",
    "ParallelReductionFactorInPlane": 2,
    "PatientPosition": "HFS",
    "PhaseEncodingDirection": "j",
    "PhilipsRescaleIntercept": 0,
    "PhilipsRescaleSlope": 0.81709,
    "PhilipsScaleSlope": 0.0593043,
    "ProtocolName": "WIPpiopgstroopSENSE",
    "PulseSequenceType": "gradient echo EPI",
    "ReconMatrixPE": 80,
    "RepetitionTime": 2,
    "SeriesDescription": "ImageMRSERIES",
    "SeriesNumber": 3,
    "SliceEncodingDirection": "k",
    "SliceTiming": [
      0.0,
      0.0541,
      0.1081,
      0.1622,
      0.2162,
      0.2703,
      0.3243,
      0.3784,
      0.4324,
      0.4865,
      0.5405,
      0.5946,
      0.6486,
      0.7027,
      0.7568,
      0.8108,
      0.8649,
      0.9189,
      0.973,
      1.027,
      1.0811,
      1.1351,
      1.1892,
      1.2432,
      1.2973,
      1.3514,
      1.4054,
      1.4595,
      1.5135,
      1.5676,
      1.6216,
      1.6757,
      1.7297,
      1.7838,
      1.8378,
      1.8919,
      1.9459
    ],
    "TaskName": "gstroop",
    "TotalReadoutTime": 0.025822520692561732,
    "UsePhilipsFloatNotDisplayScaling": 1,
    "acq_id": "seq",
    "dataset": "ds002785",
    "modality": "bold",
    "subject_id": "0065",
    "task_id": "gstroop"
  },
  "dummy_trs": 0,
  "dvars_nstd": 21.84618146295083,
  "dvars_std": 1.2408240630327863,
  "dvars_vstd": 1.0206619078688521,
  "efc": 0.417403167045663,
  "fber": 167262.71875,
  "fd_mean": 0.1365602748594151,
  "fd_num": 33,
  "fd_perc": 13.46938775510204,
  "fwhm_avg": 1.7787008561799762,
  "fwhm_x": 1.76711,
  "fwhm_y": 1.9046166666666666,
  "fwhm_z": 1.6643759018732622,
  "gcor": 0.0145345,
  "gsr_x": -0.008883320726454258,
  "gsr_y": 0.007429261691868305,
  "provenance": {
    "md5sum": "4a1a0e10c3b64ca4b1dff4748900fadd",
    "settings": {
      "fd_thres": 0.2,
      "testing": false
    },
    "software": "mriqc",
    "version": "22.0.0rc1",
    "webapi_port": null,
    "webapi_url": "https://mriqc.nimh.nih.gov/api/v1"
  },
  "size_t": 245,
  "size_x": 80,
  "size_y": 80,
  "size_z": 37,
  "snr": 4.717575126930962,
  "spacing_tr": 2.0,
  "spacing_x": 3.0,
  "spacing_y": 3.0,
  "spacing_z": 3.299999713897705,
  "summary_bg_k": 73.02733283056826,
  "summary_bg_mad": 56.86964711982465,
  "summary_bg_mean": 511.8910217285156,
  "summary_bg_median": 53.407798767089844,
  "summary_bg_n": 160982.0,
  "summary_bg_p05": 4.634712719917298,
  "summary_bg_p95": 2586.3238281249996,
  "summary_bg_stdv": 1588.7752685546875,
  "summary_fg_k": 1.8839128477341687,
  "summary_fg_mad": 4397.838327621234,
  "summary_fg_mean": 22895.814453125,
  "summary_fg_median": 22303.693359375,
  "summary_fg_n": 34561.0,
  "summary_fg_p05": 16548.2109375,
  "summary_fg_p95": 31025.798828125,
  "summary_fg_stdv": 4727.71923828125,
  "tsnr": 68.08027648925781
}