{
  "aor": 0.0019825052192066804,
  "aqi": 0.033049492066805845,
  "bids_meta": {
    "AcquisitionNumber": 6,
    "BidsifyVersion": "0.3.5",
    "ConversionSoftware": "dcm2niix",
    "ConversionSoftwareVersion": "v1.0.20181125  GCC6.3.0",
    "EchoTime": 0.02762,
    "EffectiveEchoSpacing": 0.0006333282667071997,
    "ImageComments": "PIOP",
    "ImageOrientationPatientDICOM": [
      0.999552,
      0.00464089,
      0.0295513,
      0.00383802,
      0.95983,
      -0.280555
    ],
    "Manufacturer": "Philips",
    "NumberOfVolumesDiscardedByScanner": 2,
    "ParallelAcquisitionTechnique": "SENSE",
    "ParallelReductionFactorInPlane": 2,
    "PatientPosition": "HFS",
    "PhaseEncodingDirection": "j",
    "PhilipsRescaleIntercept": 0,
    "PhilipsRescaleSlope": 0.77338,
    "PhilipsScaleSlope": 0.0894002,
    "ProtocolName": "WIPpioprsSENSE",
    "PulseSequenceType": "gradient echo EPI",
    "ReconMatrixPE": 80,
    "RepetitionTime": 0.75,
    "SeriesDescription": "ImageMRSERIES",
    "SeriesNumber": 6,
    "SliceEncodingDirection": "k",
    "SliceTiming": [
      0.0,
      0.06755050505050506,
      0.1351010101010101,
      0.20265151515151517,
      0.2702020202020202,
      0.3377525252525253,
      0.40530303030303033,
      0.47285353535353536,
      0.5404040404040404,
      0.6079545454545455,
      0.6755050505050506,
      0.7430555555555556,
      0.0,
      0.06755050505050506,
      0.1351010101010101,
      0.20265151515151517,
      0.2702020202020202,
      0.3377525252525253,
      0.40530303030303033,
      0.47285353535353536,
      0.5404040404040404,
      0.6079545454545455,
      0.6755050505050506,
      0.7430555555555556,
      0.0,
      0.06755050505050506,
      0.1351010101010101,
      0.20265151515151517,
      0.2702020202020202,
      0.3377525252525253,
      0.40530303030303033,
      0.47285353535353536,
      0.5404040404040404,
      0.6079545454545455,
      0.6755050505050506,
      0.7430555555555556
    ],
    "TaskName": "restingstate",
    "TotalReadoutTime": 0.024699802401580786,
    "UsePhilipsFloatNotDisplayScaling": 1,
    "acq_id": "mb3",
    "dataset": "ds002785",
    "modality": "bold",
    "subject_id": "0121",
    "task_id": "restingstate"
  },
  "dummy_trs": 1,
  "dvars_nstd": 32.44050656391213,
  "dvars_std": 1.0644561824476992,
  "dvars_vstd": 0.932801144079498,
  "efc": 0.4430576511935249,
  "fber": 134166.03125,
  "fd_mean": 0.21720320841511673,
  "fd_num": 93,
  "fd_perc": 19.41544885177453,
  "fwhm_avg": 1.8431880891888115,
  "fwhm_x": 1.7837866666666666,
  "fwhm_y": 2.005786666666667,
  "fwhm_z": 1.739990934233101,
  "gcor": 0.016376,
  "gsr_x": -0.020727509632706642,
  "gsr_y": 0.01747232861816883,
  "provenance": {
    "md5sum": "f750aba780b2925f5d0e7f368d0683ad",
    "settings": {
      "fd_thres": 0.2,
      "testing": false
    },
    "software": "mriqc",
    "version": "22.0.0rc1",
    "webapi_port": null,
    "webapi_url": "https://mriqc.nimh.nih.gov/api/v1"
  },
  "size_t": 479,
  "size_x": 80,
  "size_y": 80,
  "size_z": 36,
  "snr": 6.82668345115334,
  "spacing_tr": 0.75,
  "spacing_x": 3.0,
  "spacing_y": 3.0,
  "spacing_z": 3.299999952316284,
  "summary_bg_k": 36.33723150142358,
  "summary_bg_mad": 56.78641956704078,
  "summary_bg_mean": 578.95263671875,
  "summary_bg_median": 49.25702667236328,
  "summary_bg_n": 154965.0,
  "summary_bg_p05": 3.6474452018737797,
  "summary_bg_p95": 3240.0226562499993,
  "summary_bg_stdv": 1559.89111328125,
  "summary_fg_k": 1.9959122977522101,
  "summary_fg_mad": 2391.3620900556275,
  "summary_fg_mean": 18468.3671875,
  "summary_fg_median": 18356.71484375,
  "summary_fg_n": 34893.0,
  "summary_fg_p05": 14402.51328125,
  "summary_fg_p95": 22858.28984375,
  "summary_fg_stdv": 2688.9267578125,
  "tsnr": 31.94878387451172
}