{
  "aor": 0.000757469387755102,
  "aqi": 0.0032342449387755103,
  "bids_meta": {
    "AcquisitionNumber": 3,
    "BidsifyVersion": "0.3.5",
    "ConversionSoftware": "dcm2niix",
    "ConversionSoftwareVersion": "v1.0.20181125  GCC6.3.0",
    "EchoTime": 0.02762,
    "EffectiveEchoSpacing": 0.0006621159151938905,
    "ImageComments": "Piop",
    "ImageOrientationPatientDICOM": [
      0.999186,
      0.0381224,
      -0.013227,
      -0.0403061,
      0.958507,
      -0.282205
    ],
    "Manufacturer": "Philips",
    "NumberOfVolumesDiscardedByScanner": 2,
    "ParallelAcquisitionTechnique": "SENSE",
    "ParallelReductionFactorInPlane": 2,
    "PatientPosition": "HFS",
    "PhaseEncodingDirection": "j",
    "PhilipsRescaleIntercept": 0,
    "PhilipsRescaleSlope": 0.78144,
    "PhilipsScaleSlope": 0.0641021,
    "ProtocolName": "WIPpiopgstroopSENSE",
    "PulseSequenceType": "gradient echo EPI",
    "ReconMatrixPE": 80,
    "RepetitionTime": 2,
    "SeriesDescription": "ImageMRSERIES",
    "SeriesNumber": 3,
    "SliceEncodingDirection": "k",
    "SliceTiming": [
      0.0,
      0.0541,
      0.1081,
      0.1622,
      0.2162,
      0.2703,
      0.3243,
      0.3784,
      0.4324,
      0.4865,
      0.5405,
      0.5946,
      0.6486,
      0.7027,
      0.7568,
      0.8108,
      0.8649,
      0.9189,
      0.973,
      1.027,
      1.0811,
      1.1351,
      1.1892,
      1.2432,
      1.2973,
      1.3514,
      1.4054,
      1.4595,
      1.5135,
      1.5676,
      1.6216,
      1.6757,
      1.7297,
      1.7838,
      1.8378,
      1.8919,
      1.9459
    ],
    "TaskName": "gstroop",
    "TotalReadoutTime": 0.025822520692561732,
    "UsePhilipsFloatNotDisplayScaling": 1,
    "acq_id": "seq",
    "dataset": "ds002785",
    "modality": "bold",
    "subject_id": "0008",
    "task_id": "gstroop"
  },
  "dummy_trs": 0,
  "dvars_nstd": 24.00056038532788,
  "dvars_std": 1.3420827863114755,
  "dvars_vstd": 1.0016494901639341,
  "efc": 0.4457095403088363,
  "fber": 139460.984375,
  "fd_mean": 0.0988347868371919,
  "fd_num": 4,
  "fd_perc": 1.6326530612244898,
  "fwhm_avg": 1.7531388968148216,
  "fwhm_x": 1.7118399999999998,
  "fwhm_y": 1.90201,
  "fwhm_z": 1.645566690444465,
  "gcor": 0.0214861,
  "gsr_x": -0.02175856940448284,
  "gsr_y": 0.02124195732176304,
  "provenance": {
    "md5sum": "db524d34ea16b1a213aedd9dbc08aecf",
    "settings": {
      "fd_thres": 0.2,
      "testing": false
    },
    "software": "mriqc",
    "version": "22.0.0rc1",
    "webapi_port": null,
    "webapi_url": "https://mriqc.nimh.nih.gov/api/v1"
  },
  "size_t": 245,
  "size_x": 80,
  "size_y": 80,
  "size_z": 37,
  "snr": 5.592423889768622,
  "spacing_tr": 2.0,
  "spacing_x": 3.0,
  "spacing_y": 3.0,
  "spacing_z": 3.299999952316284,
  "summary_bg_k": 67.87707530272216,
  "summary_bg_mad": 65.21069003505795,
  "summary_bg_mean": 662.9677734375,
  "summary_bg_median": 64.21917724609375,
  "summary_bg_n": 156585.0,
  "summary_bg_p05": 6.010803604125977,
  "summary_bg_p95": 3620.304541015617,
  "summary_bg_stdv": 1986.9658203125,
  "summary_fg_k": 1.7192622590742408,
  "summary_fg_mad": 4124.958439607379,
  "summary_fg_mean": 24900.26953125,
  "summary_fg_median": 24483.6328125,
  "summary_fg_n": 38523.0,
  "summary_fg_p05": 18679.684375,
  "summary_fg_p95": 32208.1197265625,
  "summary_fg_stdv": 4377.943359375,
  "tsnr": 92.26602935791016
}