{
  "aor": 0.0012426499999999999,
  "aqi": 0.0048437967500000005,
  "bids_meta": {
    "AcquisitionNumber": 9,
    "BidsifyVersion": "0.3.5",
    "ConversionSoftware": "dcm2niix",
    "ConversionSoftwareVersion": "v1.0.20181125  GCC6.3.0",
    "EchoTime": 0.02762,
    "EffectiveEchoSpacing": 0.0006621159151938905,
    "ImageComments": "piop",
    "ImageOrientationPatientDICOM": [
      0.998915,
      0.04571,
      0.00887696,
      -0.0448364,
      0.99566,
      -0.0815488
    ],
    "Manufacturer": "Philips",
    "NumberOfVolumesDiscardedByScanner": 2,
    "ParallelAcquisitionTechnique": "SENSE",
    "ParallelReductionFactorInPlane": 2,
    "PatientPosition": "HFS",
    "PhaseEncodingDirection": "j",
    "PhilipsRescaleIntercept": 0,
    "PhilipsRescaleSlope": 0.76777,
    "PhilipsScaleSlope": 0.0513664,
    "ProtocolName": "WIPpiopanticipatieSENSE",
    "PulseSequenceType": "gradient echo EPI",
    "ReconMatrixPE": 80,
    "RepetitionTime": 2,
    "SeriesDescription": "ImageMRSERIES",
    "SeriesNumber": 9,
    "SliceEncodingDirection": "k",
    "SliceTiming": [
      0.0,
      0.0541,
      0.1081,
      0.1622,
      0.2162,
      0.2703,
      0.3243,
      0.3784,
      0.4324,
      0.4865,
      0.5405,
      0.5946,
      0.6486,
      0.7027,
      0.7568,
      0.8108,
      0.8649,
      0.9189,
      0.973,
      1.027,
      1.0811,
      1.1351,
      1.1892,
      1.2432,
      1.2973,
      1.3514,
      1.4054,
      1.4595,
      1.5135,
      1.5676,
      1.6216,
      1.6757,
      1.7297,
      1.7838,
      1.8378,
      1.8919,
      1.9459
    ],
    "TaskName": "anticipation",
    "TotalReadoutTime": 0.025822520692561732,
    "UsePhilipsFloatNotDisplayScaling": 1,
    "acq_id": "seq",
    "dataset": "ds002785",
    "modality": "bold",
    "subject_id": "0118",
    "task_id": "anticipation"
  },
  "dummy_trs": 0,
  "dvars_nstd": 24.108088248592956,
  "dvars_std": 1.2918960308040204,
  "dvars_vstd": 1.007901944572864,
  "efc": 0.44427208369486365,
  "fber": 159735.28125,
  "fd_mean": 0.1291277143193098,
  "fd_num": 26,
  "fd_perc": 13.0,
  "fwhm_avg": 1.8867940490884756,
  "fwhm_x": 1.8227766666666667,
  "fwhm_y": 2.03456,
  "fwhm_z": 1.8030454805987601,
  "gcor": 0.0244758,
  "gsr_x": -0.01681743562221527,
  "gsr_y": 0.017911486327648163,
  "provenance": {
    "md5sum": "a5abe19d7bdc06ee6e48f5917d8889fb",
    "settings": {
      "fd_thres": 0.2,
      "testing": false
    },
    "software": "mriqc",
    "version": "22.0.0rc1",
    "webapi_port": null,
    "webapi_url": "https://mriqc.nimh.nih.gov/api/v1"
  },
  "size_t": 200,
  "size_x": 80,
  "size_y": 80,
  "size_z": 37,
  "snr": 5.361478955240491,
  "spacing_tr": 2.0,
  "spacing_x": 3.0,
  "spacing_y": 3.0,
  "spacing_z": 3.299999952316284,
  "summary_bg_k": 65.57496125011023,
  "summary_bg_mad": 67.83958378415804,
  "summary_bg_mean": 562.24169921875,
  "summary_bg_median": 63.43373107910156,
  "summary_bg_n": 155074.0,
  "summary_bg_p05": 3.411757791042328,
  "summary_bg_p95": 2744.937072753907,
  "summary_bg_stdv": 1694.64404296875,
  "summary_fg_k": 2.1373231330180005,
  "summary_fg_mad": 4302.093208375573,
  "summary_fg_mean": 26674.587890625,
  "summary_fg_median": 26098.3828125,
  "summary_fg_n": 39984.0,
  "summary_fg_p05": 19901.48818359375,
  "summary_fg_p95": 34934.132031249996,
  "summary_fg_stdv": 4867.697265625,
  "tsnr": 80.34130859375
}