{
  "aor": 0.0004979696969696969,
  "aqi": 0.008960233333333333,
  "bids_meta": {
    "AcquisitionNumber": 2,
    "BidsifyVersion": "0.3.5",
    "ConversionSoftware": "dcm2niix",
    "ConversionSoftwareVersion": "v1.0.20181125  GCC6.3.0",
    "EchoTime": 0.02762,
    "EffectiveEchoSpacing": 0.0006333282667071997,
    "ImageComments": "piop",
    "ImageOrientationPatientDICOM": [
      0.998915,
      0.04571,
      0.00887696,
      -0.0448364,
      0.99566,
      -0.0815488
    ],
    "Manufacturer": "Philips",
    "NumberOfVolumesDiscardedByScanner": 2,
    "ParallelAcquisitionTechnique": "SENSE",
    "ParallelReductionFactorInPlane": 2,
    "PatientPosition": "HFS",
    "PhaseEncodingDirection": "j",
    "PhilipsRescaleIntercept": 0,
    "PhilipsRescaleSlope": 0.75458,
    "PhilipsScaleSlope": 0.089428,
    "ProtocolName": "WIPpiopfacesSENSE",
    "PulseSequenceType": "gradient echo EPI",
    "ReconMatrixPE": 80,
    "RepetitionTime": 0.75,
    "SeriesDescription": "ImageMRSERIES",
    "SeriesNumber": 2,
    "SliceEncodingDirection": "k",
    "SliceTiming": [
      0.0,
      0.06755050505050506,
      0.1351010101010101,
      0.20265151515151517,
      0.2702020202020202,
      0.3377525252525253,
      0.40530303030303033,
      0.47285353535353536,
      0.5404040404040404,
      0.6079545454545455,
      0.6755050505050506,
      0.7430555555555556,
      0.0,
      0.06755050505050506,
      0.1351010101010101,
      0.20265151515151517,
      0.2702020202020202,
      0.3377525252525253,
      0.40530303030303033,
      0.47285353535353536,
      0.5404040404040404,
      0.6079545454545455,
      0.6755050505050506,
      0.7430555555555556,
      0.0,
      0.06755050505050506,
      0.1351010101010101,
      0.20265151515151517,
      0.2702020202020202,
      0.3377525252525253,
      0.40530303030303033,
      0.47285353535353536,
      0.5404040404040404,
      0.6079545454545455,
      0.6755050505050506,
      0.7430555555555556
    ],
    "TaskName": "faces",
    "TotalReadoutTime": 0.024699802401580786,
    "UsePhilipsFloatNotDisplayScaling": 1,
    "acq_id": "mb3",
    "dataset": "ds002785",
    "modality": "bold",
    "subject_id": "0118",
    "task_id": "faces"
  },
  "dummy_trs": 0,
  "dvars_nstd": 24.17095156480241,
  "dvars_std": 1.1234092900303951,
  "dvars_vstd": 0.9860598016717325,
  "efc": 0.4535552494679372,
  "fber": 133886.859375,
  "fd_mean": 0.09849900428861044,
  "fd_num": 3,
  "fd_perc": 0.9090909090909091,
  "fwhm_avg": 2.154731269057413,
  "fwhm_x": 2.1647166666666666,
  "fwhm_y": 2.3293133333333333,
  "fwhm_z": 1.9701638071722385,
  "gcor": 0.0120948,
  "gsr_x": -0.01869758777320385,
  "gsr_y": 0.016532037407159805,
  "provenance": {
    "md5sum": "132027a03696ccc22a46653d04b45f44",
    "settings": {
      "fd_thres": 0.2,
      "testing": false
    },
    "software": "mriqc",
    "version": "22.0.0rc1",
    "webapi_port": null,
    "webapi_url": "https://mriqc.nimh.nih.gov/api/v1"
  },
  "size_t": 330,
  "size_x": 80,
  "size_y": 80,
  "size_z": 36,
  "snr": 6.165006474248147,
  "spacing_tr": 0.75,
  "spacing_x": 3.0,
  "spacing_y": 3.0,
  "spacing_z": 3.299999713897705,
  "summary_bg_k": 48.092680230559004,
  "summary_bg_mad": 54.729159396164526,
  "summary_bg_mean": 410.9900817871094,
  "summary_bg_median": 49.897857666015625,
  "summary_bg_n": 149805.0,
  "summary_bg_p05": 3.873547220230103,
  "summary_bg_p95": 1986.1337646484335,
  "summary_bg_stdv": 1125.9847412109375,
  "summary_fg_k": 0.5556105925519121,
  "summary_fg_mad": 2811.931745550813,
  "summary_fg_mean": 18603.58203125,
  "summary_fg_median": 18513.9453125,
  "summary_fg_n": 39611.0,
  "summary_fg_p05": 13819.80908203125,
  "summary_fg_p95": 23633.95703125,
  "summary_fg_stdv": 3003.031982421875,
  "tsnr": 54.58131408691406
}