{
  "aor": 0.0008429795918367347,
  "aqi": 0.004962700857142857,
  "bids_meta": {
    "AcquisitionNumber": 3,
    "BidsifyVersion": "0.3.5",
    "ConversionSoftware": "dcm2niix",
    "ConversionSoftwareVersion": "v1.0.20181125  GCC6.3.0",
    "EchoTime": 0.02762,
    "EffectiveEchoSpacing": 0.0006621159151938905,
    "ImageComments": "piop",
    "ImageOrientationPatientDICOM": [
      0.998915,
      0.04571,
      0.00887696,
      -0.0448364,
      0.99566,
      -0.0815488
    ],
    "Manufacturer": "Philips",
    "NumberOfVolumesDiscardedByScanner": 2,
    "ParallelAcquisitionTechnique": "SENSE",
    "ParallelReductionFactorInPlane": 2,
    "PatientPosition": "HFS",
    "PhaseEncodingDirection": "j",
    "PhilipsRescaleIntercept": 0,
    "PhilipsRescaleSlope": 0.78877,
    "PhilipsScaleSlope": 0.0510066,
    "ProtocolName": "WIPpiopgstroopSENSE",
    "PulseSequenceType": "gradient echo EPI",
    "ReconMatrixPE": 80,
    "RepetitionTime": 2,
    "SeriesDescription": "ImageMRSERIES",
    "SeriesNumber": 3,
    "SliceEncodingDirection": "k",
    "SliceTiming": [
      0.0,
      0.0541,
      0.1081,
      0.1622,
      0.2162,
      0.2703,
      0.3243,
      0.3784,
      0.4324,
      0.4865,
      0.5405,
      0.5946,
      0.6486,
      0.7027,
      0.7568,
      0.8108,
      0.8649,
      0.9189,
      0.973,
      1.027,
      1.0811,
      1.1351,
      1.1892,
      1.2432,
      1.2973,
      1.3514,
      1.4054,
      1.4595,
      1.5135,
      1.5676,
      1.6216,
      1.6757,
      1.7297,
      1.7838,
      1.8378,
      1.8919,
      1.9459
    ],
    "TaskName": "gstroop",
    "TotalReadoutTime": 0.025822520692561732,
    "UsePhilipsFloatNotDisplayScaling": 1,
    "acq_id": "seq",
    "dataset": "ds002785",
    "modality": "bold",
    "subject_id": "0118",
    "task_id": "gstroop"
  },
  "dummy_trs": 0,
  "dvars_nstd": 21.759561014836066,
  "dvars_std": 1.2547910601229517,
  "dvars_vstd": 0.9965303532377056,
  "efc": 0.44290646747800183,
  "fber": 163283.75,
  "fd_mean": 0.10069499307595915,
  "fd_num": 7,
  "fd_perc": 2.857142857142857,
  "fwhm_avg": 1.8578216247367452,
  "fwhm_x": 1.7879399999999999,
  "fwhm_y": 2.0051733333333335,
  "fwhm_z": 1.7803515408769022,
  "gcor": 0.0141519,
  "gsr_x": -0.017042282968759537,
  "gsr_y": 0.018487416207790375,
  "provenance": {
    "md5sum": "05a61830973135e16f773bd2214bbfa5",
    "settings": {
      "fd_thres": 0.2,
      "testing": false
    },
    "software": "mriqc",
    "version": "22.0.0rc1",
    "webapi_port": null,
    "webapi_url": "https://mriqc.nimh.nih.gov/api/v1"
  },
  "size_t": 245,
  "size_x": 80,
  "size_y": 80,
  "size_z": 37,
  "snr": 5.509325597298612,
  "spacing_tr": 2.0,
  "spacing_x": 3.0,
  "spacing_y": 3.0,
  "spacing_z": 3.299999952316284,
  "summary_bg_k": 73.79014607296352,
  "summary_bg_mad": 66.85866429667384,
  "summary_bg_mean": 551.3211059570312,
  "summary_bg_median": 62.94667434692383,
  "summary_bg_n": 155332.0,
  "summary_bg_p05": 3.557570278644562,
  "summary_bg_p95": 2625.9125488281234,
  "summary_bg_stdv": 1695.67919921875,
  "summary_fg_k": 2.483908702582558,
  "summary_fg_mad": 4189.164961074029,
  "summary_fg_mean": 26814.255859375,
  "summary_fg_median": 26240.095703125,
  "summary_fg_n": 39849.0,
  "summary_fg_p05": 20290.87265625,
  "summary_fg_p95": 34857.221874999996,
  "summary_fg_stdv": 4762.791015625,
  "tsnr": 80.44295501708984
}