{
  "aor": 0.0012436296296296295,
  "aqi": 0.003449952888888889,
  "bids_meta": {
    "AcquisitionNumber": 5,
    "BidsifyVersion": "0.3.5",
    "ConversionSoftware": "dcm2niix",
    "ConversionSoftwareVersion": "v1.0.20181125  GCC6.3.0",
    "EchoTime": 0.02762,
    "EffectiveEchoSpacing": 0.0006621159151938905,
    "ImageComments": "piop",
    "ImageOrientationPatientDICOM": [
      0.998915,
      0.04571,
      0.00887696,
      -0.0448364,
      0.99566,
      -0.0815488
    ],
    "Manufacturer": "Philips",
    "NumberOfVolumesDiscardedByScanner": 2,
    "ParallelAcquisitionTechnique": "SENSE",
    "ParallelReductionFactorInPlane": 2,
    "PatientPosition": "HFS",
    "PhaseEncodingDirection": "j",
    "PhilipsRescaleIntercept": 0,
    "PhilipsRescaleSlope": 0.76093,
    "PhilipsScaleSlope": 0.0519044,
    "ProtocolName": "WIPpiopharririSENSE",
    "PulseSequenceType": "gradient echo EPI",
    "ReconMatrixPE": 80,
    "RepetitionTime": 2,
    "SeriesDescription": "ImageMRSERIES",
    "SeriesNumber": 5,
    "SliceEncodingDirection": "k",
    "SliceTiming": [
      0.0,
      0.0541,
      0.1081,
      0.1622,
      0.2162,
      0.2703,
      0.3243,
      0.3784,
      0.4324,
      0.4865,
      0.5405,
      0.5946,
      0.6486,
      0.7027,
      0.7568,
      0.8108,
      0.8649,
      0.9189,
      0.973,
      1.027,
      1.0811,
      1.1351,
      1.1892,
      1.2432,
      1.2973,
      1.3514,
      1.4054,
      1.4595,
      1.5135,
      1.5676,
      1.6216,
      1.6757,
      1.7297,
      1.7838,
      1.8378,
      1.8919,
      1.9459
    ],
    "TaskName": "emomatching",
    "TotalReadoutTime": 0.025822520692561732,
    "UsePhilipsFloatNotDisplayScaling": 1,
    "acq_id": "seq",
    "dataset": "ds002785",
    "modality": "bold",
    "subject_id": "0118",
    "task_id": "emomatching"
  },
  "dummy_trs": 0,
  "dvars_nstd": 22.28055687813432,
  "dvars_std": 1.3120947399253726,
  "dvars_vstd": 1.0175987215671642,
  "efc": 0.44287423660006553,
  "fber": 163130.75,
  "fd_mean": 0.0930436438383263,
  "fd_num": 1,
  "fd_perc": 0.7407407407407407,
  "fwhm_avg": 1.885943645043474,
  "fwhm_x": 1.8211466666666667,
  "fwhm_y": 2.0345933333333335,
  "fwhm_z": 1.802090935130422,
  "gcor": 0.0155558,
  "gsr_x": -0.01701042801141739,
  "gsr_y": 0.01766594871878624,
  "provenance": {
    "md5sum": "893bae30a8c51f339995893096f990fb",
    "settings": {
      "fd_thres": 0.2,
      "testing": false
    },
    "software": "mriqc",
    "version": "22.0.0rc1",
    "webapi_port": null,
    "webapi_url": "https://mriqc.nimh.nih.gov/api/v1"
  },
  "size_t": 135,
  "size_x": 80,
  "size_y": 80,
  "size_z": 37,
  "snr": 5.383002797017169,
  "spacing_tr": 2.0,
  "spacing_x": 3.0,
  "spacing_y": 3.0,
  "spacing_z": 3.299999952316284,
  "summary_bg_k": 66.07374428676317,
  "summary_bg_mad": 66.83921865962787,
  "summary_bg_mean": 554.1177978515625,
  "summary_bg_median": 62.817230224609375,
  "summary_bg_n": 155284.0,
  "summary_bg_p05": 2.7704354166984557,
  "summary_bg_p95": 2670.0337402343766,
  "summary_bg_stdv": 1690.1937255859375,
  "summary_fg_k": 2.1862834632001453,
  "summary_fg_mad": 4293.95771827227,
  "summary_fg_mean": 26783.767578125,
  "summary_fg_median": 26210.58984375,
  "summary_fg_n": 39873.0,
  "summary_fg_p05": 20013.996875,
  "summary_fg_p95": 35057.97890625,
  "summary_fg_stdv": 4869.078125,
  "tsnr": 93.25153350830078
}