{
  "aor": 0.0005538075313807531,
  "aqi": 0.008404150251046025,
  "bids_meta": {
    "AcquisitionNumber": 6,
    "BidsifyVersion": "0.3.5",
    "ConversionSoftware": "dcm2niix",
    "ConversionSoftwareVersion": "v1.0.20181125  GCC6.3.0",
    "EchoTime": 0.02762,
    "EffectiveEchoSpacing": 0.0006333282667071997,
    "ImageComments": "piop",
    "ImageOrientationPatientDICOM": [
      0.998915,
      0.04571,
      0.00887696,
      -0.0448364,
      0.99566,
      -0.0815488
    ],
    "Manufacturer": "Philips",
    "NumberOfVolumesDiscardedByScanner": 2,
    "ParallelAcquisitionTechnique": "SENSE",
    "ParallelReductionFactorInPlane": 2,
    "PatientPosition": "HFS",
    "PhaseEncodingDirection": "j",
    "PhilipsRescaleIntercept": 0,
    "PhilipsRescaleSlope": 0.79805,
    "PhilipsScaleSlope": 0.0842528,
    "ProtocolName": "WIPpioprsSENSE",
    "PulseSequenceType": "gradient echo EPI",
    "ReconMatrixPE": 80,
    "RepetitionTime": 0.75,
    "SeriesDescription": "ImageMRSERIES",
    "SeriesNumber": 6,
    "SliceEncodingDirection": "k",
    "SliceTiming": [
      0.0,
      0.06755050505050506,
      0.1351010101010101,
      0.20265151515151517,
      0.2702020202020202,
      0.3377525252525253,
      0.40530303030303033,
      0.47285353535353536,
      0.5404040404040404,
      0.6079545454545455,
      0.6755050505050506,
      0.7430555555555556,
      0.0,
      0.06755050505050506,
      0.1351010101010101,
      0.20265151515151517,
      0.2702020202020202,
      0.3377525252525253,
      0.40530303030303033,
      0.47285353535353536,
      0.5404040404040404,
      0.6079545454545455,
      0.6755050505050506,
      0.7430555555555556,
      0.0,
      0.06755050505050506,
      0.1351010101010101,
      0.20265151515151517,
      0.2702020202020202,
      0.3377525252525253,
      0.40530303030303033,
      0.47285353535353536,
      0.5404040404040404,
      0.6079545454545455,
      0.6755050505050506,
      0.7430555555555556
    ],
    "TaskName": "restingstate",
    "TotalReadoutTime": 0.024699802401580786,
    "UsePhilipsFloatNotDisplayScaling": 1,
    "acq_id": "mb3",
    "dataset": "ds002785",
    "modality": "bold",
    "subject_id": "0118",
    "task_id": "restingstate"
  },
  "dummy_trs": 2,
  "dvars_nstd": 27.511209439916104,
  "dvars_std": 1.1372132885953878,
  "dvars_vstd": 1.0121770312368972,
  "efc": 0.45299680391594555,
  "fber": 135023.578125,
  "fd_mean": 0.07657677034523622,
  "fd_num": 5,
  "fd_perc": 1.0460251046025104,
  "fwhm_avg": 1.9135501097220777,
  "fwhm_x": 1.87924,
  "fwhm_y": 2.0526466666666665,
  "fwhm_z": 1.8087636624995673,
  "gcor": 0.0131006,
  "gsr_x": -0.018193261697888374,
  "gsr_y": 0.016870900988578796,
  "provenance": {
    "md5sum": "09e387d63e10a4af87647772059cc9f6",
    "settings": {
      "fd_thres": 0.2,
      "testing": false
    },
    "software": "mriqc",
    "version": "22.0.0rc1",
    "webapi_port": null,
    "webapi_url": "https://mriqc.nimh.nih.gov/api/v1"
  },
  "size_t": 478,
  "size_x": 80,
  "size_y": 80,
  "size_z": 36,
  "snr": 6.247339135031206,
  "spacing_tr": 0.75,
  "spacing_x": 3.0,
  "spacing_y": 3.0,
  "spacing_z": 3.299999952316284,
  "summary_bg_k": 47.66933237380281,
  "summary_bg_mad": 54.43722174885644,
  "summary_bg_mean": 419.5038146972656,
  "summary_bg_median": 48.96519470214844,
  "summary_bg_n": 149787.0,
  "summary_bg_p05": 2.2603801488876343,
  "summary_bg_p95": 2045.05349121093,
  "summary_bg_stdv": 1186.9388427734375,
  "summary_fg_k": 0.8533154383030102,
  "summary_fg_mad": 2746.7117264738567,
  "summary_fg_mean": 18467.96484375,
  "summary_fg_median": 18373.294921875,
  "summary_fg_n": 39597.0,
  "summary_fg_p05": 13848.2376953125,
  "summary_fg_p95": 23390.34296875,
  "summary_fg_stdv": 2940.942138671875,
  "tsnr": 55.33392333984375
}