{
  "aor": 0.0003786969696969697,
  "aqi": 0.005839176090909091,
  "bids_meta": {
    "AcquisitionNumber": 2,
    "BidsifyVersion": "0.3.5",
    "ConversionSoftware": "dcm2niix",
    "ConversionSoftwareVersion": "v1.0.20181125  GCC6.3.0",
    "EchoTime": 0.02762,
    "EffectiveEchoSpacing": 0.0006333282667071997,
    "ImageComments": "Piop",
    "ImageOrientationPatientDICOM": [
      0.999739,
      0.0228217,
      0.000288932,
      -0.0209416,
      0.922262,
      -0.385997
    ],
    "Manufacturer": "Philips",
    "NumberOfVolumesDiscardedByScanner": 2,
    "ParallelAcquisitionTechnique": "SENSE",
    "ParallelReductionFactorInPlane": 2,
    "PatientPosition": "HFS",
    "PhaseEncodingDirection": "j",
    "PhilipsRescaleIntercept": 0,
    "PhilipsRescaleSlope": 0.79976,
    "PhilipsScaleSlope": 0.0921113,
    "ProtocolName": "WIPpiopfacesSENSE",
    "PulseSequenceType": "gradient echo EPI",
    "ReconMatrixPE": 80,
    "RepetitionTime": 0.75,
    "SeriesDescription": "ImageMRSERIES",
    "SeriesNumber": 2,
    "SliceEncodingDirection": "k",
    "SliceTiming": [
      0.0,
      0.06755050505050506,
      0.1351010101010101,
      0.20265151515151517,
      0.2702020202020202,
      0.3377525252525253,
      0.40530303030303033,
      0.47285353535353536,
      0.5404040404040404,
      0.6079545454545455,
      0.6755050505050506,
      0.7430555555555556,
      0.0,
      0.06755050505050506,
      0.1351010101010101,
      0.20265151515151517,
      0.2702020202020202,
      0.3377525252525253,
      0.40530303030303033,
      0.47285353535353536,
      0.5404040404040404,
      0.6079545454545455,
      0.6755050505050506,
      0.7430555555555556,
      0.0,
      0.06755050505050506,
      0.1351010101010101,
      0.20265151515151517,
      0.2702020202020202,
      0.3377525252525253,
      0.40530303030303033,
      0.47285353535353536,
      0.5404040404040404,
      0.6079545454545455,
      0.6755050505050506,
      0.7430555555555556
    ],
    "TaskName": "faces",
    "TotalReadoutTime": 0.024699802401580786,
    "UsePhilipsFloatNotDisplayScaling": 1,
    "acq_id": "mb3",
    "dataset": "ds002785",
    "modality": "bold",
    "subject_id": "0084",
    "task_id": "faces"
  },
  "dummy_trs": 0,
  "dvars_nstd": 24.973892948115505,
  "dvars_std": 1.1754139872340426,
  "dvars_vstd": 1.0065787564437694,
  "efc": 0.44294498994216425,
  "fber": 157047.625,
  "fd_mean": 0.10982275025922557,
  "fd_num": 19,
  "fd_perc": 5.757575757575758,
  "fwhm_avg": 2.0409140936252017,
  "fwhm_x": 2.0672099999999998,
  "fwhm_y": 2.21392,
  "fwhm_z": 1.8416122808756061,
  "gcor": 0.0241129,
  "gsr_x": -0.02035287395119667,
  "gsr_y": 0.018462780863046646,
  "provenance": {
    "md5sum": "2a69b9ed2950a325a95a7dcc783d0f45",
    "settings": {
      "fd_thres": 0.2,
      "testing": false
    },
    "software": "mriqc",
    "version": "22.0.0rc1",
    "webapi_port": null,
    "webapi_url": "https://mriqc.nimh.nih.gov/api/v1"
  },
  "size_t": 330,
  "size_x": 80,
  "size_y": 80,
  "size_z": 36,
  "snr": 6.258446407526933,
  "spacing_tr": 0.75,
  "spacing_x": 3.0,
  "spacing_y": 3.0,
  "spacing_z": 3.299999713897705,
  "summary_bg_k": 56.78673415750972,
  "summary_bg_mad": 45.38510591272237,
  "summary_bg_mean": 415.4280090332031,
  "summary_bg_median": 42.62759017944336,
  "summary_bg_n": 153229.0,
  "summary_bg_p05": 5.073959541320801,
  "summary_bg_p95": 1980.8786621093755,
  "summary_bg_stdv": 1134.9334716796875,
  "summary_fg_k": 1.1201187693562593,
  "summary_fg_mad": 2642.1578651409027,
  "summary_fg_mean": 17436.8515625,
  "summary_fg_median": 17463.39453125,
  "summary_fg_n": 36328.0,
  "summary_fg_p05": 12888.121875,
  "summary_fg_p95": 21803.98017578125,
  "summary_fg_stdv": 2790.333740234375,
  "tsnr": 62.69561767578125
}