{
  "aor": 0.0009391111111111112,
  "aqi": 0.0031876677037037033,
  "bids_meta": {
    "AcquisitionNumber": 5,
    "BidsifyVersion": "0.3.5",
    "ConversionSoftware": "dcm2niix",
    "ConversionSoftwareVersion": "v1.0.20181125  GCC6.3.0",
    "EchoTime": 0.02762,
    "EffectiveEchoSpacing": 0.0006621159151938905,
    "ImageComments": "Piop",
    "ImageOrientationPatientDICOM": [
      0.999739,
      0.0228217,
      0.000288932,
      -0.0209416,
      0.922262,
      -0.385997
    ],
    "Manufacturer": "Philips",
    "NumberOfVolumesDiscardedByScanner": 2,
    "ParallelAcquisitionTechnique": "SENSE",
    "ParallelReductionFactorInPlane": 2,
    "PatientPosition": "HFS",
    "PhaseEncodingDirection": "j",
    "PhilipsRescaleIntercept": 0,
    "PhilipsRescaleSlope": 0.80147,
    "PhilipsScaleSlope": 0.0581924,
    "ProtocolName": "WIPpiopharririSENSE",
    "PulseSequenceType": "gradient echo EPI",
    "ReconMatrixPE": 80,
    "RepetitionTime": 2,
    "SeriesDescription": "ImageMRSERIES",
    "SeriesNumber": 5,
    "SliceEncodingDirection": "k",
    "SliceTiming": [
      0.0,
      0.0541,
      0.1081,
      0.1622,
      0.2162,
      0.2703,
      0.3243,
      0.3784,
      0.4324,
      0.4865,
      0.5405,
      0.5946,
      0.6486,
      0.7027,
      0.7568,
      0.8108,
      0.8649,
      0.9189,
      0.973,
      1.027,
      1.0811,
      1.1351,
      1.1892,
      1.2432,
      1.2973,
      1.3514,
      1.4054,
      1.4595,
      1.5135,
      1.5676,
      1.6216,
      1.6757,
      1.7297,
      1.7838,
      1.8378,
      1.8919,
      1.9459
    ],
    "TaskName": "emomatching",
    "TotalReadoutTime": 0.025822520692561732,
    "UsePhilipsFloatNotDisplayScaling": 1,
    "acq_id": "seq",
    "dataset": "ds002785",
    "modality": "bold",
    "subject_id": "0084",
    "task_id": "emomatching"
  },
  "dummy_trs": 0,
  "dvars_nstd": 19.623711081044778,
  "dvars_std": 1.1978183440298502,
  "dvars_vstd": 0.9999309682089556,
  "efc": 0.43574650970591106,
  "fber": 141288.5,
  "fd_mean": 0.09632337235959162,
  "fd_num": 5,
  "fd_perc": 3.7037037037037037,
  "fwhm_avg": 1.8166050587161955,
  "fwhm_x": 1.78765,
  "fwhm_y": 1.9573833333333335,
  "fwhm_z": 1.7047818428152524,
  "gcor": 0.0313354,
  "gsr_x": -0.01859838329255581,
  "gsr_y": 0.019372420385479927,
  "provenance": {
    "md5sum": "bfb391bc054991bb0bd4650d52068513",
    "settings": {
      "fd_thres": 0.2,
      "testing": false
    },
    "software": "mriqc",
    "version": "22.0.0rc1",
    "webapi_port": null,
    "webapi_url": "https://mriqc.nimh.nih.gov/api/v1"
  },
  "size_t": 135,
  "size_x": 80,
  "size_y": 80,
  "size_z": 37,
  "snr": 5.191557041174493,
  "spacing_tr": 2.0,
  "spacing_x": 3.0,
  "spacing_y": 3.0,
  "spacing_z": 3.299999952316284,
  "summary_bg_k": 87.49154097061857,
  "summary_bg_mad": 58.56359639301522,
  "summary_bg_mean": 560.7650146484375,
  "summary_bg_median": 59.827457427978516,
  "summary_bg_n": 158235.0,
  "summary_bg_p05": 8.259549522399903,
  "summary_bg_p95": 2641.0731933593665,
  "summary_bg_stdv": 1706.79541015625,
  "summary_fg_k": 1.8586692646814438,
  "summary_fg_mad": 4224.834285541904,
  "summary_fg_mean": 23641.75,
  "summary_fg_median": 23218.767578125,
  "summary_fg_n": 36909.0,
  "summary_fg_p05": 17151.52265625,
  "summary_fg_p95": 30792.511328125,
  "summary_fg_stdv": 4472.3486328125,
  "tsnr": 85.44428253173828
}