{
  "aor": 0.0010325308641975308,
  "aqi": 0.004489661111111111,
  "bids_meta": {
    "AcquisitionNumber": 8,
    "BidsifyVersion": "0.3.5",
    "ConversionSoftware": "dcm2niix",
    "ConversionSoftwareVersion": "v1.0.20181125  GCC6.3.0",
    "EchoTime": 0.02762,
    "EffectiveEchoSpacing": 0.0006621159151938905,
    "ImageComments": "Piop",
    "ImageOrientationPatientDICOM": [
      0.999739,
      0.0228217,
      0.000288932,
      -0.0209416,
      0.922262,
      -0.385997
    ],
    "Manufacturer": "Philips",
    "NumberOfVolumesDiscardedByScanner": 2,
    "ParallelAcquisitionTechnique": "SENSE",
    "ParallelReductionFactorInPlane": 2,
    "PatientPosition": "HFS",
    "PhaseEncodingDirection": "j",
    "PhilipsRescaleIntercept": 0,
    "PhilipsRescaleSlope": 0.76386,
    "PhilipsScaleSlope": 0.0611996,
    "ProtocolName": "WIPpiopwmSENSE",
    "PulseSequenceType": "gradient echo EPI",
    "ReconMatrixPE": 80,
    "RepetitionTime": 2,
    "SeriesDescription": "ImageMRSERIES",
    "SeriesNumber": 8,
    "SliceEncodingDirection": "k",
    "SliceTiming": [
      0.0,
      0.0541,
      0.1081,
      0.1622,
      0.2162,
      0.2703,
      0.3243,
      0.3784,
      0.4324,
      0.4865,
      0.5405,
      0.5946,
      0.6486,
      0.7027,
      0.7568,
      0.8108,
      0.8649,
      0.9189,
      0.973,
      1.027,
      1.0811,
      1.1351,
      1.1892,
      1.2432,
      1.2973,
      1.3514,
      1.4054,
      1.4595,
      1.5135,
      1.5676,
      1.6216,
      1.6757,
      1.7297,
      1.7838,
      1.8378,
      1.8919,
      1.9459
    ],
    "TaskName": "workingmemory",
    "TotalReadoutTime": 0.025822520692561732,
    "UsePhilipsFloatNotDisplayScaling": 1,
    "acq_id": "seq",
    "dataset": "ds002785",
    "modality": "bold",
    "subject_id": "0084",
    "task_id": "workingmemory"
  },
  "dummy_trs": 0,
  "dvars_nstd": 22.291982425527934,
  "dvars_std": 1.2411695973291927,
  "dvars_vstd": 1.0000709050310561,
  "efc": 0.43605912895090043,
  "fber": 139348.109375,
  "fd_mean": 0.12962671717052812,
  "fd_num": 18,
  "fd_perc": 11.11111111111111,
  "fwhm_avg": 1.813303644565834,
  "fwhm_x": 1.78976,
  "fwhm_y": 1.9472266666666667,
  "fwhm_z": 1.7029242670308353,
  "gcor": 0.0186524,
  "gsr_x": -0.01810181327164173,
  "gsr_y": 0.018868835642933846,
  "provenance": {
    "md5sum": "01fde3878963fc18def68e78c0a780d6",
    "settings": {
      "fd_thres": 0.2,
      "testing": false
    },
    "software": "mriqc",
    "version": "22.0.0rc1",
    "webapi_port": null,
    "webapi_url": "https://mriqc.nimh.nih.gov/api/v1"
  },
  "size_t": 162,
  "size_x": 80,
  "size_y": 80,
  "size_z": 37,
  "snr": 5.216053658629231,
  "spacing_tr": 2.0,
  "spacing_x": 3.0,
  "spacing_y": 3.0,
  "spacing_z": 3.299999952316284,
  "summary_bg_k": 81.7636196789944,
  "summary_bg_mad": 57.88217195340703,
  "summary_bg_mean": 558.0038452148438,
  "summary_bg_median": 59.34474563598633,
  "summary_bg_n": 158253.0,
  "summary_bg_p05": 8.708732414245606,
  "summary_bg_p95": 2694.5465332031213,
  "summary_bg_stdv": 1667.5264892578125,
  "summary_fg_k": 1.840646333137598,
  "summary_fg_mad": 4150.142407369768,
  "summary_fg_mean": 23323.611328125,
  "summary_fg_median": 22911.849609375,
  "summary_fg_n": 36837.0,
  "summary_fg_p05": 16944.637890625,
  "summary_fg_p95": 30375.445703124995,
  "summary_fg_stdv": 4392.50439453125,
  "tsnr": 75.62361145019531
}