{
  "aor": 0.0010465454545454545,
  "aqi": 0.008223505515151516,
  "bids_meta": {
    "AcquisitionNumber": 2,
    "BidsifyVersion": "0.3.5",
    "ConversionSoftware": "dcm2niix",
    "ConversionSoftwareVersion": "v1.0.20181125  GCC6.3.0",
    "EchoTime": 0.02762,
    "EffectiveEchoSpacing": 0.0006333282667071997,
    "ImageComments": "piop",
    "ImageOrientationPatientDICOM": [
      0.999994,
      0.000449044,
      -0.00348358,
      -0.00157079,
      0.944262,
      -0.329191
    ],
    "Manufacturer": "Philips",
    "NumberOfVolumesDiscardedByScanner": 2,
    "ParallelAcquisitionTechnique": "SENSE",
    "ParallelReductionFactorInPlane": 2,
    "PatientPosition": "HFS",
    "PhaseEncodingDirection": "j",
    "PhilipsRescaleIntercept": 0,
    "PhilipsRescaleSlope": 0.77485,
    "PhilipsScaleSlope": 0.0902535,
    "ProtocolName": "WIPpiopfacesSENSE",
    "PulseSequenceType": "gradient echo EPI",
    "ReconMatrixPE": 80,
    "RepetitionTime": 0.75,
    "SeriesDescription": "ImageMRSERIES",
    "SeriesNumber": 2,
    "SliceEncodingDirection": "k",
    "SliceTiming": [
      0.0,
      0.06755050505050506,
      0.1351010101010101,
      0.20265151515151517,
      0.2702020202020202,
      0.3377525252525253,
      0.40530303030303033,
      0.47285353535353536,
      0.5404040404040404,
      0.6079545454545455,
      0.6755050505050506,
      0.7430555555555556,
      0.0,
      0.06755050505050506,
      0.1351010101010101,
      0.20265151515151517,
      0.2702020202020202,
      0.3377525252525253,
      0.40530303030303033,
      0.47285353535353536,
      0.5404040404040404,
      0.6079545454545455,
      0.6755050505050506,
      0.7430555555555556,
      0.0,
      0.06755050505050506,
      0.1351010101010101,
      0.20265151515151517,
      0.2702020202020202,
      0.3377525252525253,
      0.40530303030303033,
      0.47285353535353536,
      0.5404040404040404,
      0.6079545454545455,
      0.6755050505050506,
      0.7430555555555556
    ],
    "TaskName": "faces",
    "TotalReadoutTime": 0.024699802401580786,
    "UsePhilipsFloatNotDisplayScaling": 1,
    "acq_id": "mb3",
    "dataset": "ds002785",
    "modality": "bold",
    "subject_id": "0048",
    "task_id": "faces"
  },
  "dummy_trs": 0,
  "dvars_nstd": 28.179835403768976,
  "dvars_std": 1.2699897473860187,
  "dvars_vstd": 1.0095478785106398,
  "efc": 0.4210003082584715,
  "fber": 175885.28125,
  "fd_mean": 0.11034815577322667,
  "fd_num": 17,
  "fd_perc": 5.151515151515151,
  "fwhm_avg": 1.9701076274979588,
  "fwhm_x": 1.98567,
  "fwhm_y": 2.13428,
  "fwhm_z": 1.7903728824938758,
  "gcor": 0.0197706,
  "gsr_x": -0.025512319058179855,
  "gsr_y": 0.015106428414583206,
  "provenance": {
    "md5sum": "4576272f9a795fdd2fc3c3836e602d80",
    "settings": {
      "fd_thres": 0.2,
      "testing": false
    },
    "software": "mriqc",
    "version": "22.0.0rc1",
    "webapi_port": null,
    "webapi_url": "https://mriqc.nimh.nih.gov/api/v1"
  },
  "size_t": 330,
  "size_x": 80,
  "size_y": 80,
  "size_z": 36,
  "snr": 7.007925133219836,
  "spacing_tr": 0.75,
  "spacing_x": 3.0,
  "spacing_y": 3.0,
  "spacing_z": 3.299999713897705,
  "summary_bg_k": 51.70820486441684,
  "summary_bg_mad": 46.209024468426946,
  "summary_bg_mean": 418.2840270996094,
  "summary_bg_median": 42.74848937988281,
  "summary_bg_n": 157468.0,
  "summary_bg_p05": 2.730949330329895,
  "summary_bg_p95": 2213.540673828125,
  "summary_bg_stdv": 1202.2725830078125,
  "summary_fg_k": 1.6289244445628093,
  "summary_fg_mad": 2367.646245974454,
  "summary_fg_mean": 18164.03125,
  "summary_fg_median": 18213.48046875,
  "summary_fg_n": 32329.0,
  "summary_fg_p05": 13898.082421875,
  "summary_fg_p95": 22227.3265625,
  "summary_fg_stdv": 2598.943115234375,
  "tsnr": 60.840789794921875
}