{
  "aor": 0.0007851234567901234,
  "aqi": 0.003935972222222223,
  "bids_meta": {
    "AcquisitionNumber": 8,
    "BidsifyVersion": "0.3.5",
    "ConversionSoftware": "dcm2niix",
    "ConversionSoftwareVersion": "v1.0.20181125  GCC6.3.0",
    "EchoTime": 0.02762,
    "EffectiveEchoSpacing": 0.0006621159151938905,
    "ImageComments": "piop",
    "ImageOrientationPatientDICOM": [
      0.999994,
      0.000449044,
      -0.00348358,
      -0.00157079,
      0.944262,
      -0.329191
    ],
    "Manufacturer": "Philips",
    "NumberOfVolumesDiscardedByScanner": 2,
    "ParallelAcquisitionTechnique": "SENSE",
    "ParallelReductionFactorInPlane": 2,
    "PatientPosition": "HFS",
    "PhaseEncodingDirection": "j",
    "PhilipsRescaleIntercept": 0,
    "PhilipsRescaleSlope": 0.84298,
    "PhilipsScaleSlope": 0.0554569,
    "ProtocolName": "WIPpiopwmSENSE",
    "PulseSequenceType": "gradient echo EPI",
    "ReconMatrixPE": 80,
    "RepetitionTime": 2,
    "SeriesDescription": "ImageMRSERIES",
    "SeriesNumber": 8,
    "SliceEncodingDirection": "k",
    "SliceTiming": [
      0.0,
      0.0541,
      0.1081,
      0.1622,
      0.2162,
      0.2703,
      0.3243,
      0.3784,
      0.4324,
      0.4865,
      0.5405,
      0.5946,
      0.6486,
      0.7027,
      0.7568,
      0.8108,
      0.8649,
      0.9189,
      0.973,
      1.027,
      1.0811,
      1.1351,
      1.1892,
      1.2432,
      1.2973,
      1.3514,
      1.4054,
      1.4595,
      1.5135,
      1.5676,
      1.6216,
      1.6757,
      1.7297,
      1.7838,
      1.8378,
      1.8919,
      1.9459
    ],
    "TaskName": "workingmemory",
    "TotalReadoutTime": 0.025822520692561732,
    "UsePhilipsFloatNotDisplayScaling": 1,
    "acq_id": "seq",
    "dataset": "ds002785",
    "modality": "bold",
    "subject_id": "0048",
    "task_id": "workingmemory"
  },
  "dummy_trs": 0,
  "dvars_nstd": 26.313769856273286,
  "dvars_std": 1.4446233187577633,
  "dvars_vstd": 1.0011142503726713,
  "efc": 0.4148781716887466,
  "fber": 170360.234375,
  "fd_mean": 0.10149470208952886,
  "fd_num": 4,
  "fd_perc": 2.4691358024691357,
  "fwhm_avg": 1.7274469775673078,
  "fwhm_x": 1.6996033333333334,
  "fwhm_y": 1.8487133333333334,
  "fwhm_z": 1.6340242660352573,
  "gcor": 0.0123436,
  "gsr_x": -0.023889245465397835,
  "gsr_y": 0.014258664101362228,
  "provenance": {
    "md5sum": "147a5e05248faf00d704cd1e5e69295f",
    "settings": {
      "fd_thres": 0.2,
      "testing": false
    },
    "software": "mriqc",
    "version": "22.0.0rc1",
    "webapi_port": null,
    "webapi_url": "https://mriqc.nimh.nih.gov/api/v1"
  },
  "size_t": 162,
  "size_x": 80,
  "size_y": 80,
  "size_z": 37,
  "snr": 5.627738127219376,
  "spacing_tr": 2.0,
  "spacing_x": 3.0,
  "spacing_y": 3.0,
  "spacing_z": 3.299999952316284,
  "summary_bg_k": 66.91940228955208,
  "summary_bg_mad": 59.26611368607004,
  "summary_bg_mean": 585.5270385742188,
  "summary_bg_median": 57.52826690673828,
  "summary_bg_n": 162640.0,
  "summary_bg_p05": 3.465313208103181,
  "summary_bg_p95": 3168.479296874999,
  "summary_bg_stdv": 1803.5506591796875,
  "summary_fg_k": 1.9534520414519303,
  "summary_fg_mad": 3966.576272337314,
  "summary_fg_mean": 24505.966796875,
  "summary_fg_median": 24172.708984375,
  "summary_fg_n": 32898.0,
  "summary_fg_p05": 18228.6646484375,
  "summary_fg_p95": 31462.75986328125,
  "summary_fg_stdv": 4295.21435546875,
  "tsnr": 88.8989486694336
}