{
  "aor": 0.0003842259414225942,
  "aqi": 0.009682990334728034,
  "bids_meta": {
    "AcquisitionNumber": 6,
    "BidsifyVersion": "0.3.5",
    "ConversionSoftware": "dcm2niix",
    "ConversionSoftwareVersion": "v1.0.20181125  GCC6.3.0",
    "EchoTime": 0.02762,
    "EffectiveEchoSpacing": 0.0006333282667071997,
    "ImageComments": "piop",
    "ImageOrientationPatientDICOM": [
      0.999994,
      0.000449044,
      -0.00348358,
      -0.00157079,
      0.944262,
      -0.329191
    ],
    "Manufacturer": "Philips",
    "NumberOfVolumesDiscardedByScanner": 2,
    "ParallelAcquisitionTechnique": "SENSE",
    "ParallelReductionFactorInPlane": 2,
    "PatientPosition": "HFS",
    "PhaseEncodingDirection": "j",
    "PhilipsRescaleIntercept": 0,
    "PhilipsRescaleSlope": 0.77827,
    "PhilipsScaleSlope": 0.0888576,
    "ProtocolName": "WIPpioprsSENSE",
    "PulseSequenceType": "gradient echo EPI",
    "ReconMatrixPE": 80,
    "RepetitionTime": 0.75,
    "SeriesDescription": "ImageMRSERIES",
    "SeriesNumber": 6,
    "SliceEncodingDirection": "k",
    "SliceTiming": [
      0.0,
      0.06755050505050506,
      0.1351010101010101,
      0.20265151515151517,
      0.2702020202020202,
      0.3377525252525253,
      0.40530303030303033,
      0.47285353535353536,
      0.5404040404040404,
      0.6079545454545455,
      0.6755050505050506,
      0.7430555555555556,
      0.0,
      0.06755050505050506,
      0.1351010101010101,
      0.20265151515151517,
      0.2702020202020202,
      0.3377525252525253,
      0.40530303030303033,
      0.47285353535353536,
      0.5404040404040404,
      0.6079545454545455,
      0.6755050505050506,
      0.7430555555555556,
      0.0,
      0.06755050505050506,
      0.1351010101010101,
      0.20265151515151517,
      0.2702020202020202,
      0.3377525252525253,
      0.40530303030303033,
      0.47285353535353536,
      0.5404040404040404,
      0.6079545454545455,
      0.6755050505050506,
      0.7430555555555556
    ],
    "TaskName": "restingstate",
    "TotalReadoutTime": 0.024699802401580786,
    "UsePhilipsFloatNotDisplayScaling": 1,
    "acq_id": "mb3",
    "dataset": "ds002785",
    "modality": "bold",
    "subject_id": "0048",
    "task_id": "restingstate"
  },
  "dummy_trs": 2,
  "dvars_nstd": 32.16333377677146,
  "dvars_std": 1.247030939832285,
  "dvars_vstd": 1.0061870321383655,
  "efc": 0.4207144329076696,
  "fber": 171006.1875,
  "fd_mean": 0.0956495226796464,
  "fd_num": 8,
  "fd_perc": 1.6736401673640167,
  "fwhm_avg": 1.7281005128169376,
  "fwhm_x": 1.7167966666666665,
  "fwhm_y": 1.8550533333333332,
  "fwhm_z": 1.6124515384508125,
  "gcor": 0.0139004,
  "gsr_x": -0.02493266388773918,
  "gsr_y": 0.014685067348182201,
  "provenance": {
    "md5sum": "fc20c30ed86f61fcdaa25fb1b646b6b3",
    "settings": {
      "fd_thres": 0.2,
      "testing": false
    },
    "software": "mriqc",
    "version": "22.0.0rc1",
    "webapi_port": null,
    "webapi_url": "https://mriqc.nimh.nih.gov/api/v1"
  },
  "size_t": 478,
  "size_x": 80,
  "size_y": 80,
  "size_z": 36,
  "snr": 7.02040919821015,
  "spacing_tr": 0.75,
  "spacing_x": 3.0,
  "spacing_y": 3.0,
  "spacing_z": 3.299999952316284,
  "summary_bg_k": 48.369248600675846,
  "summary_bg_mad": 46.840649243787624,
  "summary_bg_mean": 428.3436279296875,
  "summary_bg_median": 42.514610290527344,
  "summary_bg_n": 157524.0,
  "summary_bg_p05": 2.2509382128715516,
  "summary_bg_p95": 2289.0648315429708,
  "summary_bg_stdv": 1262.10986328125,
  "summary_fg_k": 2.083932281737213,
  "summary_fg_mad": 2310.5110421202858,
  "summary_fg_mean": 17873.9296875,
  "summary_fg_median": 17912.69921875,
  "summary_fg_n": 32253.0,
  "summary_fg_p05": 13820.5962890625,
  "summary_fg_p95": 21840.320703125,
  "summary_fg_stdv": 2551.478271484375,
  "tsnr": 54.909603118896484
}