{
  "aor": 0.0020973000000000003,
  "aqi": 0.0047455327,
  "bids_meta": {
    "AcquisitionNumber": 9,
    "BidsifyVersion": "0.3.5",
    "ConversionSoftware": "dcm2niix",
    "ConversionSoftwareVersion": "v1.0.20181125  GCC6.3.0",
    "EchoTime": 0.02762,
    "EffectiveEchoSpacing": 0.0006621159151938905,
    "ImageComments": "piop",
    "ImageOrientationPatientDICOM": [
      0.999994,
      0.000449044,
      -0.00348358,
      -0.00157079,
      0.944262,
      -0.329191
    ],
    "Manufacturer": "Philips",
    "NumberOfVolumesDiscardedByScanner": 2,
    "ParallelAcquisitionTechnique": "SENSE",
    "ParallelReductionFactorInPlane": 2,
    "PatientPosition": "HFS",
    "PhaseEncodingDirection": "j",
    "PhilipsRescaleIntercept": 0,
    "PhilipsRescaleSlope": 0.83907,
    "PhilipsScaleSlope": 0.0553177,
    "ProtocolName": "WIPpiopanticipatieSENSE",
    "PulseSequenceType": "gradient echo EPI",
    "ReconMatrixPE": 80,
    "RepetitionTime": 2,
    "SeriesDescription": "ImageMRSERIES",
    "SeriesNumber": 9,
    "SliceEncodingDirection": "k",
    "SliceTiming": [
      0.0,
      0.0541,
      0.1081,
      0.1622,
      0.2162,
      0.2703,
      0.3243,
      0.3784,
      0.4324,
      0.4865,
      0.5405,
      0.5946,
      0.6486,
      0.7027,
      0.7568,
      0.8108,
      0.8649,
      0.9189,
      0.973,
      1.027,
      1.0811,
      1.1351,
      1.1892,
      1.2432,
      1.2973,
      1.3514,
      1.4054,
      1.4595,
      1.5135,
      1.5676,
      1.6216,
      1.6757,
      1.7297,
      1.7838,
      1.8378,
      1.8919,
      1.9459
    ],
    "TaskName": "anticipation",
    "TotalReadoutTime": 0.025822520692561732,
    "UsePhilipsFloatNotDisplayScaling": 1,
    "acq_id": "seq",
    "dataset": "ds002785",
    "modality": "bold",
    "subject_id": "0048",
    "task_id": "anticipation"
  },
  "dummy_trs": 0,
  "dvars_nstd": 27.97193261753768,
  "dvars_std": 1.4510258572864332,
  "dvars_vstd": 1.0113681385427136,
  "efc": 0.414723585100607,
  "fber": 172567.75,
  "fd_mean": 0.1313986326462308,
  "fd_num": 18,
  "fd_perc": 9.0,
  "fwhm_avg": 1.728404149286815,
  "fwhm_x": 1.6997633333333333,
  "fwhm_y": 1.8509399999999998,
  "fwhm_z": 1.6345091145271116,
  "gcor": 0.02009,
  "gsr_x": -0.02391272969543934,
  "gsr_y": 0.014234807342290878,
  "provenance": {
    "md5sum": "c9b3fce9d25e56003df8f67f3858c944",
    "settings": {
      "fd_thres": 0.2,
      "testing": false
    },
    "software": "mriqc",
    "version": "22.0.0rc1",
    "webapi_port": null,
    "webapi_url": "https://mriqc.nimh.nih.gov/api/v1"
  },
  "size_t": 200,
  "size_x": 80,
  "size_y": 80,
  "size_z": 37,
  "snr": 5.6186933823034915,
  "spacing_tr": 2.0,
  "spacing_x": 3.0,
  "spacing_y": 3.0,
  "spacing_z": 3.299999952316284,
  "summary_bg_k": 71.38739149621357,
  "summary_bg_mad": 57.57549277975261,
  "summary_bg_mean": 575.1072387695312,
  "summary_bg_median": 56.447052001953125,
  "summary_bg_n": 162568.0,
  "summary_bg_p05": 3.327890181541443,
  "summary_bg_p95": 3131.427136230467,
  "summary_bg_stdv": 1774.750732421875,
  "summary_fg_k": 1.9068761075095848,
  "summary_fg_mad": 3905.1684521288394,
  "summary_fg_mean": 24262.80859375,
  "summary_fg_median": 23919.044921875,
  "summary_fg_n": 32927.0,
  "summary_fg_p05": 18052.826171875,
  "summary_fg_p95": 31175.715234375,
  "summary_fg_stdv": 4256.98291015625,
  "tsnr": 82.04618835449219
}