{
  "aor": 0.0017835555555555556,
  "aqi": 0.0035580409629629626,
  "bids_meta": {
    "AcquisitionNumber": 5,
    "BidsifyVersion": "0.3.5",
    "ConversionSoftware": "dcm2niix",
    "ConversionSoftwareVersion": "v1.0.20181125  GCC6.3.0",
    "EchoTime": 0.02762,
    "EffectiveEchoSpacing": 0.0006621159151938905,
    "ImageComments": "piop",
    "ImageOrientationPatientDICOM": [
      0.999994,
      0.000449044,
      -0.00348358,
      -0.00157079,
      0.944262,
      -0.329191
    ],
    "Manufacturer": "Philips",
    "NumberOfVolumesDiscardedByScanner": 2,
    "ParallelAcquisitionTechnique": "SENSE",
    "ParallelReductionFactorInPlane": 2,
    "PatientPosition": "HFS",
    "PhaseEncodingDirection": "j",
    "PhilipsRescaleIntercept": 0,
    "PhilipsRescaleSlope": 0.83175,
    "PhilipsScaleSlope": 0.0529621,
    "ProtocolName": "WIPpiopharririSENSE",
    "PulseSequenceType": "gradient echo EPI",
    "ReconMatrixPE": 80,
    "RepetitionTime": 2,
    "SeriesDescription": "ImageMRSERIES",
    "SeriesNumber": 5,
    "SliceEncodingDirection": "k",
    "SliceTiming": [
      0.0,
      0.0541,
      0.1081,
      0.1622,
      0.2162,
      0.2703,
      0.3243,
      0.3784,
      0.4324,
      0.4865,
      0.5405,
      0.5946,
      0.6486,
      0.7027,
      0.7568,
      0.8108,
      0.8649,
      0.9189,
      0.973,
      1.027,
      1.0811,
      1.1351,
      1.1892,
      1.2432,
      1.2973,
      1.3514,
      1.4054,
      1.4595,
      1.5135,
      1.5676,
      1.6216,
      1.6757,
      1.7297,
      1.7838,
      1.8378,
      1.8919,
      1.9459
    ],
    "TaskName": "emomatching",
    "TotalReadoutTime": 0.025822520692561732,
    "UsePhilipsFloatNotDisplayScaling": 1,
    "acq_id": "seq",
    "dataset": "ds002785",
    "modality": "bold",
    "subject_id": "0048",
    "task_id": "emomatching"
  },
  "dummy_trs": 0,
  "dvars_nstd": 26.728034047835827,
  "dvars_std": 1.480568082089552,
  "dvars_vstd": 1.0217599931343282,
  "efc": 0.41359469353314116,
  "fber": 178569.15625,
  "fd_mean": 0.10830587293530823,
  "fd_num": 7,
  "fd_perc": 5.185185185185185,
  "fwhm_avg": 1.7542904120377238,
  "fwhm_x": 1.72403,
  "fwhm_y": 1.8784533333333335,
  "fwhm_z": 1.6603879027798378,
  "gcor": 0.0124743,
  "gsr_x": -0.023564336821436882,
  "gsr_y": 0.014151602983474731,
  "provenance": {
    "md5sum": "77de63c4a6bac4c9d916284864bc7fa0",
    "settings": {
      "fd_thres": 0.2,
      "testing": false
    },
    "software": "mriqc",
    "version": "22.0.0rc1",
    "webapi_port": null,
    "webapi_url": "https://mriqc.nimh.nih.gov/api/v1"
  },
  "size_t": 135,
  "size_x": 80,
  "size_y": 80,
  "size_z": 37,
  "snr": 5.558363057403816,
  "spacing_tr": 2.0,
  "spacing_x": 3.0,
  "spacing_y": 3.0,
  "spacing_z": 3.299999952316284,
  "summary_bg_k": 71.76695017282721,
  "summary_bg_mad": 57.984816864843715,
  "summary_bg_mean": 578.065673828125,
  "summary_bg_median": 57.198856353759766,
  "summary_bg_n": 162551.0,
  "summary_bg_p05": 3.2720943689346313,
  "summary_bg_p95": 3109.2337646484375,
  "summary_bg_stdv": 1810.0712890625,
  "summary_fg_k": 1.8776906118214542,
  "summary_fg_mad": 4104.545149882076,
  "summary_fg_mean": 24965.521484375,
  "summary_fg_median": 24630.427734375,
  "summary_fg_n": 32944.0,
  "summary_fg_p05": 18488.69150390625,
  "summary_fg_p95": 32180.53291015625,
  "summary_fg_stdv": 4431.17041015625,
  "tsnr": 92.57945251464844
}