{
  "aor": 0.004054773869346734,
  "aqi": 0.003185588190954774,
  "bids_meta": {
    "AcquisitionNumber": 9,
    "BidsifyVersion": "0.3.5",
    "ConversionSoftware": "dcm2niix",
    "ConversionSoftwareVersion": "v1.0.20181125  GCC6.3.0",
    "EchoTime": 0.02762,
    "EffectiveEchoSpacing": 0.0006621159151938905,
    "ImageComments": "Piop",
    "ImageOrientationPatientDICOM": [
      0.999423,
      0.00312308,
      -0.033811,
      -0.00732629,
      0.99214,
      -0.124916
    ],
    "Manufacturer": "Philips",
    "NumberOfVolumesDiscardedByScanner": 2,
    "ParallelAcquisitionTechnique": "SENSE",
    "ParallelReductionFactorInPlane": 2,
    "PatientPosition": "HFS",
    "PhaseEncodingDirection": "j",
    "PhilipsRescaleIntercept": 0,
    "PhilipsRescaleSlope": 0.76239,
    "PhilipsScaleSlope": 0.0549345,
    "ProtocolName": "WIPpiopanticipatieSENSE",
    "PulseSequenceType": "gradient echo EPI",
    "ReconMatrixPE": 80,
    "RepetitionTime": 2,
    "SeriesDescription": "ImageMRSERIES",
    "SeriesNumber": 9,
    "SliceEncodingDirection": "k",
    "SliceTiming": [
      0.0,
      0.0541,
      0.1081,
      0.1622,
      0.2162,
      0.2703,
      0.3243,
      0.3784,
      0.4324,
      0.4865,
      0.5405,
      0.5946,
      0.6486,
      0.7027,
      0.7568,
      0.8108,
      0.8649,
      0.9189,
      0.973,
      1.027,
      1.0811,
      1.1351,
      1.1892,
      1.2432,
      1.2973,
      1.3514,
      1.4054,
      1.4595,
      1.5135,
      1.5676,
      1.6216,
      1.6757,
      1.7297,
      1.7838,
      1.8378,
      1.8919,
      1.9459
    ],
    "TaskName": "anticipation",
    "TotalReadoutTime": 0.025822520692561732,
    "UsePhilipsFloatNotDisplayScaling": 1,
    "acq_id": "seq",
    "dataset": "ds002785",
    "modality": "bold",
    "subject_id": "0028",
    "task_id": "anticipation"
  },
  "dummy_trs": 1,
  "dvars_nstd": 25.3797044080303,
  "dvars_std": 1.359720848232323,
  "dvars_vstd": 1.0386888865151516,
  "efc": 0.45421918129775246,
  "fber": 157745.71875,
  "fd_mean": 0.1543002768364057,
  "fd_num": 29,
  "fd_perc": 14.57286432160804,
  "fwhm_avg": 1.8994629377745882,
  "fwhm_x": 1.86597,
  "fwhm_y": 2.071473333333333,
  "fwhm_z": 1.7609454799904314,
  "gcor": 0.0210955,
  "gsr_x": -0.022899063304066658,
  "gsr_y": 0.021221531555056572,
  "provenance": {
    "md5sum": "cf006d8e78fe6f1b258706a66768c809",
    "settings": {
      "fd_thres": 0.2,
      "testing": false
    },
    "software": "mriqc",
    "version": "22.0.0rc1",
    "webapi_port": null,
    "webapi_url": "https://mriqc.nimh.nih.gov/api/v1"
  },
  "size_t": 199,
  "size_x": 80,
  "size_y": 80,
  "size_z": 37,
  "snr": 4.5152297570492435,
  "spacing_tr": 2.0,
  "spacing_x": 3.0,
  "spacing_y": 3.0,
  "spacing_z": 3.299999952316284,
  "summary_bg_k": 23.18347424666902,
  "summary_bg_mad": 64.82658532793312,
  "summary_bg_mean": 713.34130859375,
  "summary_bg_median": 58.674949645996094,
  "summary_bg_n": 154752.0,
  "summary_bg_p05": 4.4471794128417965,
  "summary_bg_p95": 4177.923266601561,
  "summary_bg_stdv": 1885.887939453125,
  "summary_fg_k": 2.0088505911809547,
  "summary_fg_mad": 4871.044705434556,
  "summary_fg_mean": 24787.845703125,
  "summary_fg_median": 24044.671875,
  "summary_fg_n": 40430.0,
  "summary_fg_p05": 17888.05068359375,
  "summary_fg_p95": 34047.441992187494,
  "summary_fg_stdv": 5325.171875,
  "tsnr": 82.20488739013672
}