{
  "aor": 0.0007890683229813666,
  "aqi": 0.021231326708074535,
  "bids_meta": {
    "AcquisitionNumber": 8,
    "BidsifyVersion": "0.3.5",
    "ConversionSoftware": "dcm2niix",
    "ConversionSoftwareVersion": "v1.0.20181125  GCC6.3.0",
    "EchoTime": 0.02762,
    "EffectiveEchoSpacing": 0.0006621159151938905,
    "ImageComments": "Piop",
    "ImageOrientationPatientDICOM": [
      0.999423,
      0.00312308,
      -0.033811,
      -0.00732629,
      0.99214,
      -0.124916
    ],
    "Manufacturer": "Philips",
    "NumberOfVolumesDiscardedByScanner": 2,
    "ParallelAcquisitionTechnique": "SENSE",
    "ParallelReductionFactorInPlane": 2,
    "PatientPosition": "HFS",
    "PhaseEncodingDirection": "j",
    "PhilipsRescaleIntercept": 0,
    "PhilipsRescaleSlope": 0.74212,
    "PhilipsScaleSlope": 0.0558662,
    "ProtocolName": "WIPpiopwmSENSE",
    "PulseSequenceType": "gradient echo EPI",
    "ReconMatrixPE": 80,
    "RepetitionTime": 2,
    "SeriesDescription": "ImageMRSERIES",
    "SeriesNumber": 8,
    "SliceEncodingDirection": "k",
    "SliceTiming": [
      0.0,
      0.0541,
      0.1081,
      0.1622,
      0.2162,
      0.2703,
      0.3243,
      0.3784,
      0.4324,
      0.4865,
      0.5405,
      0.5946,
      0.6486,
      0.7027,
      0.7568,
      0.8108,
      0.8649,
      0.9189,
      0.973,
      1.027,
      1.0811,
      1.1351,
      1.1892,
      1.2432,
      1.2973,
      1.3514,
      1.4054,
      1.4595,
      1.5135,
      1.5676,
      1.6216,
      1.6757,
      1.7297,
      1.7838,
      1.8378,
      1.8919,
      1.9459
    ],
    "TaskName": "workingmemory",
    "TotalReadoutTime": 0.025822520692561732,
    "UsePhilipsFloatNotDisplayScaling": 1,
    "acq_id": "seq",
    "dataset": "ds002785",
    "modality": "bold",
    "subject_id": "0028",
    "task_id": "workingmemory"
  },
  "dummy_trs": 1,
  "dvars_nstd": 24.540549540625005,
  "dvars_std": 1.0268147751249999,
  "dvars_vstd": 0.8413705353750001,
  "efc": 0.45945505701201017,
  "fber": 152535.5625,
  "fd_mean": 0.16915731921772945,
  "fd_num": 43,
  "fd_perc": 26.70807453416149,
  "fwhm_avg": 1.9437187966267577,
  "fwhm_x": 1.88823,
  "fwhm_y": 2.12669,
  "fwhm_z": 1.8162363898802727,
  "gcor": 0.00687243,
  "gsr_x": -0.024278875440359116,
  "gsr_y": 0.021765371784567833,
  "provenance": {
    "md5sum": "8099dd2bfacc9d0d02224b4a93b4f77c",
    "settings": {
      "fd_thres": 0.2,
      "testing": false
    },
    "software": "mriqc",
    "version": "22.0.0rc1",
    "webapi_port": null,
    "webapi_url": "https://mriqc.nimh.nih.gov/api/v1"
  },
  "size_t": 161,
  "size_x": 80,
  "size_y": 80,
  "size_z": 37,
  "snr": 4.593237051092276,
  "spacing_tr": 2.0,
  "spacing_x": 3.0,
  "spacing_y": 3.0,
  "spacing_z": 3.299999952316284,
  "summary_bg_k": 22.59742708356099,
  "summary_bg_mad": 64.90448311056905,
  "summary_bg_mean": 754.088623046875,
  "summary_bg_median": 60.21372985839844,
  "summary_bg_n": 153971.0,
  "summary_bg_p05": 6.1362831592559814,
  "summary_bg_p95": 4382.013427734375,
  "summary_bg_stdv": 1980.9404296875,
  "summary_fg_k": 2.09114208137974,
  "summary_fg_mad": 4826.683915031437,
  "summary_fg_mean": 25003.509765625,
  "summary_fg_median": 24300.03125,
  "summary_fg_n": 41102.0,
  "summary_fg_p05": 18071.8755859375,
  "summary_fg_p95": 34166.0111328125,
  "summary_fg_stdv": 5290.3291015625,
  "tsnr": 43.48381805419922
}