{
  "aor": 0.0010447280334728033,
  "aqi": 0.02693984958158996,
  "bids_meta": {
    "AcquisitionNumber": 6,
    "BidsifyVersion": "0.3.5",
    "ConversionSoftware": "dcm2niix",
    "ConversionSoftwareVersion": "v1.0.20181125  GCC6.3.0",
    "EchoTime": 0.02762,
    "EffectiveEchoSpacing": 0.0006333282667071997,
    "ImageComments": "Piop",
    "ImageOrientationPatientDICOM": [
      0.999423,
      0.00312308,
      -0.033811,
      -0.00732629,
      0.99214,
      -0.124916
    ],
    "Manufacturer": "Philips",
    "NumberOfVolumesDiscardedByScanner": 2,
    "ParallelAcquisitionTechnique": "SENSE",
    "ParallelReductionFactorInPlane": 2,
    "PatientPosition": "HFS",
    "PhaseEncodingDirection": "j",
    "PhilipsRescaleIntercept": 0,
    "PhilipsRescaleSlope": 0.86227,
    "PhilipsScaleSlope": 0.0728143,
    "ProtocolName": "WIPpioprsSENSE",
    "PulseSequenceType": "gradient echo EPI",
    "ReconMatrixPE": 80,
    "RepetitionTime": 0.75,
    "SeriesDescription": "ImageMRSERIES",
    "SeriesNumber": 6,
    "SliceEncodingDirection": "k",
    "SliceTiming": [
      0.0,
      0.06755050505050506,
      0.1351010101010101,
      0.20265151515151517,
      0.2702020202020202,
      0.3377525252525253,
      0.40530303030303033,
      0.47285353535353536,
      0.5404040404040404,
      0.6079545454545455,
      0.6755050505050506,
      0.7430555555555556,
      0.0,
      0.06755050505050506,
      0.1351010101010101,
      0.20265151515151517,
      0.2702020202020202,
      0.3377525252525253,
      0.40530303030303033,
      0.47285353535353536,
      0.5404040404040404,
      0.6079545454545455,
      0.6755050505050506,
      0.7430555555555556,
      0.0,
      0.06755050505050506,
      0.1351010101010101,
      0.20265151515151517,
      0.2702020202020202,
      0.3377525252525253,
      0.40530303030303033,
      0.47285353535353536,
      0.5404040404040404,
      0.6079545454545455,
      0.6755050505050506,
      0.7430555555555556
    ],
    "TaskName": "restingstate",
    "TotalReadoutTime": 0.024699802401580786,
    "UsePhilipsFloatNotDisplayScaling": 1,
    "acq_id": "mb3",
    "dataset": "ds002785",
    "modality": "bold",
    "subject_id": "0028",
    "task_id": "restingstate"
  },
  "dummy_trs": 2,
  "dvars_nstd": 33.291545040230616,
  "dvars_std": 1.117784536918239,
  "dvars_vstd": 0.9314509437735844,
  "efc": 0.46584187546002664,
  "fber": 148832.765625,
  "fd_mean": 0.14825303082290672,
  "fd_num": 94,
  "fd_perc": 19.665271966527197,
  "fwhm_avg": 1.9444352613294444,
  "fwhm_x": 1.9061533333333334,
  "fwhm_y": 2.0992433333333334,
  "fwhm_z": 1.8279091173216662,
  "gcor": 0.0131643,
  "gsr_x": -0.024883557111024857,
  "gsr_y": 0.02214876003563404,
  "provenance": {
    "md5sum": "2aa55da9e3ede724e4fc8eb3131fb8c4",
    "settings": {
      "fd_thres": 0.2,
      "testing": false
    },
    "software": "mriqc",
    "version": "22.0.0rc1",
    "webapi_port": null,
    "webapi_url": "https://mriqc.nimh.nih.gov/api/v1"
  },
  "size_t": 478,
  "size_x": 80,
  "size_y": 80,
  "size_z": 36,
  "snr": 5.874647155555277,
  "spacing_tr": 0.75,
  "spacing_x": 3.0,
  "spacing_y": 3.0,
  "spacing_z": 3.299999952316284,
  "summary_bg_k": 22.094021073921493,
  "summary_bg_mad": 50.47742239343626,
  "summary_bg_mean": 561.8931274414062,
  "summary_bg_median": 46.197662353515625,
  "summary_bg_n": 149124.0,
  "summary_bg_p05": 5.013430142402649,
  "summary_bg_p95": 3150.918395996097,
  "summary_bg_stdv": 1438.565185546875,
  "summary_fg_k": 0.7076296452506416,
  "summary_fg_mad": 3031.626174683238,
  "summary_fg_mean": 18422.88671875,
  "summary_fg_median": 18196.625,
  "summary_fg_n": 40133.0,
  "summary_fg_p05": 13857.1455078125,
  "summary_fg_p95": 23706.9796875,
  "summary_fg_stdv": 3097.4453125,
  "tsnr": 32.79926300048828
}