{
  "aor": 0.002584653061224489,
  "aqi": 0.009747748897959183,
  "bids_meta": {
    "AcquisitionNumber": 3,
    "BidsifyVersion": "0.3.5",
    "ConversionSoftware": "dcm2niix",
    "ConversionSoftwareVersion": "v1.0.20181125  GCC6.3.0",
    "EchoTime": 0.02762,
    "EffectiveEchoSpacing": 0.0006621159151938905,
    "ImageComments": "Piop",
    "ImageOrientationPatientDICOM": [
      0.999423,
      0.00312308,
      -0.033811,
      -0.00732629,
      0.99214,
      -0.124916
    ],
    "Manufacturer": "Philips",
    "NumberOfVolumesDiscardedByScanner": 2,
    "ParallelAcquisitionTechnique": "SENSE",
    "ParallelReductionFactorInPlane": 2,
    "PatientPosition": "HFS",
    "PhaseEncodingDirection": "j",
    "PhilipsRescaleIntercept": 0,
    "PhilipsRescaleSlope": 0.76386,
    "PhilipsScaleSlope": 0.0558627,
    "ProtocolName": "WIPpiopgstroopSENSE",
    "PulseSequenceType": "gradient echo EPI",
    "ReconMatrixPE": 80,
    "RepetitionTime": 2,
    "SeriesDescription": "ImageMRSERIES",
    "SeriesNumber": 3,
    "SliceEncodingDirection": "k",
    "SliceTiming": [
      0.0,
      0.0541,
      0.1081,
      0.1622,
      0.2162,
      0.2703,
      0.3243,
      0.3784,
      0.4324,
      0.4865,
      0.5405,
      0.5946,
      0.6486,
      0.7027,
      0.7568,
      0.8108,
      0.8649,
      0.9189,
      0.973,
      1.027,
      1.0811,
      1.1351,
      1.1892,
      1.2432,
      1.2973,
      1.3514,
      1.4054,
      1.4595,
      1.5135,
      1.5676,
      1.6216,
      1.6757,
      1.7297,
      1.7838,
      1.8378,
      1.8919,
      1.9459
    ],
    "TaskName": "gstroop",
    "TotalReadoutTime": 0.025822520692561732,
    "UsePhilipsFloatNotDisplayScaling": 1,
    "acq_id": "seq",
    "dataset": "ds002785",
    "modality": "bold",
    "subject_id": "0028",
    "task_id": "gstroop"
  },
  "dummy_trs": 0,
  "dvars_nstd": 27.067883827581944,
  "dvars_std": 1.2646184967622958,
  "dvars_vstd": 0.9609915997131148,
  "efc": 0.4555663103695339,
  "fber": 146241.5625,
  "fd_mean": 0.1586399949207642,
  "fd_num": 52,
  "fd_perc": 21.224489795918366,
  "fwhm_avg": 1.8844020287388794,
  "fwhm_x": 1.8304466666666668,
  "fwhm_y": 2.0503533333333333,
  "fwhm_z": 1.7724060862166389,
  "gcor": 0.0241042,
  "gsr_x": -0.02328580431640148,
  "gsr_y": 0.022828444838523865,
  "provenance": {
    "md5sum": "1cdf2d7695963fd10baf8c7cf78da07b",
    "settings": {
      "fd_thres": 0.2,
      "testing": false
    },
    "software": "mriqc",
    "version": "22.0.0rc1",
    "webapi_port": null,
    "webapi_url": "https://mriqc.nimh.nih.gov/api/v1"
  },
  "size_t": 245,
  "size_x": 80,
  "size_y": 80,
  "size_z": 37,
  "snr": 4.676397363266474,
  "spacing_tr": 2.0,
  "spacing_x": 3.0,
  "spacing_y": 3.0,
  "spacing_z": 3.299999952316284,
  "summary_bg_k": 26.55330263028672,
  "summary_bg_mad": 66.10650711229279,
  "summary_bg_mean": 676.4283447265625,
  "summary_bg_median": 59.51972579956055,
  "summary_bg_n": 154252.0,
  "summary_bg_p05": 5.3699063539505,
  "summary_bg_p95": 3823.2839111328035,
  "summary_bg_stdv": 1807.4844970703125,
  "summary_fg_k": 2.25143821518897,
  "summary_fg_mad": 4573.153144252064,
  "summary_fg_mean": 24186.783203125,
  "summary_fg_median": 23521.236328125,
  "summary_fg_n": 40721.0,
  "summary_fg_p05": 17722.169921875,
  "summary_fg_p95": 32969.12109375,
  "summary_fg_stdv": 5029.71533203125,
  "tsnr": 55.94843292236328
}