{
  "aor": 0.0020396352583586627,
  "aqi": 0.005901559270516717,
  "bids_meta": {
    "AcquisitionNumber": 2,
    "BidsifyVersion": "0.3.5",
    "ConversionSoftware": "dcm2niix",
    "ConversionSoftwareVersion": "v1.0.20181125  GCC6.3.0",
    "EchoTime": 0.02762,
    "EffectiveEchoSpacing": 0.0006333282667071997,
    "ImageComments": "piop",
    "ImageOrientationPatientDICOM": [
      0.9968,
      -0.0489632,
      -0.0631784,
      0.0339381,
      0.974891,
      -0.22008
    ],
    "Manufacturer": "Philips",
    "NumberOfVolumesDiscardedByScanner": 2,
    "ParallelAcquisitionTechnique": "SENSE",
    "ParallelReductionFactorInPlane": 2,
    "PatientPosition": "HFS",
    "PhaseEncodingDirection": "j",
    "PhilipsRescaleIntercept": 0,
    "PhilipsRescaleSlope": 0.75702,
    "PhilipsScaleSlope": 0.0874944,
    "ProtocolName": "WIPpiopfacesSENSE",
    "PulseSequenceType": "gradient echo EPI",
    "ReconMatrixPE": 80,
    "RepetitionTime": 0.75,
    "SeriesDescription": "ImageMRSERIES",
    "SeriesNumber": 2,
    "SliceEncodingDirection": "k",
    "SliceTiming": [
      0.0,
      0.06755050505050506,
      0.1351010101010101,
      0.20265151515151517,
      0.2702020202020202,
      0.3377525252525253,
      0.40530303030303033,
      0.47285353535353536,
      0.5404040404040404,
      0.6079545454545455,
      0.6755050505050506,
      0.7430555555555556,
      0.0,
      0.06755050505050506,
      0.1351010101010101,
      0.20265151515151517,
      0.2702020202020202,
      0.3377525252525253,
      0.40530303030303033,
      0.47285353535353536,
      0.5404040404040404,
      0.6079545454545455,
      0.6755050505050506,
      0.7430555555555556,
      0.0,
      0.06755050505050506,
      0.1351010101010101,
      0.20265151515151517,
      0.2702020202020202,
      0.3377525252525253,
      0.40530303030303033,
      0.47285353535353536,
      0.5404040404040404,
      0.6079545454545455,
      0.6755050505050506,
      0.7430555555555556
    ],
    "TaskName": "faces",
    "TotalReadoutTime": 0.024699802401580786,
    "UsePhilipsFloatNotDisplayScaling": 1,
    "acq_id": "mb3",
    "dataset": "ds002785",
    "modality": "bold",
    "subject_id": "0038",
    "task_id": "faces"
  },
  "dummy_trs": 1,
  "dvars_nstd": 23.152665760823155,
  "dvars_std": 1.1297445726829274,
  "dvars_vstd": 1.0245768676219515,
  "efc": 0.4404099676131004,
  "fber": 164716.578125,
  "fd_mean": 0.11017202957429324,
  "fd_num": 27,
  "fd_perc": 8.206686930091186,
  "fwhm_avg": 2.213861371671333,
  "fwhm_x": 2.2384833333333334,
  "fwhm_y": 2.37744,
  "fwhm_z": 2.025660781680666,
  "gcor": 0.0347628,
  "gsr_x": -0.024508902803063393,
  "gsr_y": 0.015049364417791367,
  "provenance": {
    "md5sum": "1fedc4853f66e596bff1afa0fc54c57f",
    "settings": {
      "fd_thres": 0.2,
      "testing": false
    },
    "software": "mriqc",
    "version": "22.0.0rc1",
    "webapi_port": null,
    "webapi_url": "https://mriqc.nimh.nih.gov/api/v1"
  },
  "size_t": 329,
  "size_x": 80,
  "size_y": 80,
  "size_z": 36,
  "snr": 5.878000483802393,
  "spacing_tr": 0.75,
  "spacing_x": 3.0,
  "spacing_y": 3.0,
  "spacing_z": 3.299999713897705,
  "summary_bg_k": 34.9726868684125,
  "summary_bg_mad": 54.92056452800384,
  "summary_bg_mean": 504.6298522949219,
  "summary_bg_median": 46.94163513183594,
  "summary_bg_n": 153496.0,
  "summary_bg_p05": 3.11927330493927,
  "summary_bg_p95": 2710.3268432617188,
  "summary_bg_stdv": 1380.039306640625,
  "summary_fg_k": 0.37895997014239846,
  "summary_fg_mad": 3218.005489511157,
  "summary_fg_mean": 19861.892578125,
  "summary_fg_median": 19677.068359375,
  "summary_fg_n": 35384.0,
  "summary_fg_p05": 14612.2107421875,
  "summary_fg_p95": 25569.2990234375,
  "summary_fg_stdv": 3347.53125,
  "tsnr": 58.78452682495117
}