{
  "aor": 0.008227265306122448,
  "aqi": 0.009809894040816327,
  "bids_meta": {
    "AcquisitionNumber": 3,
    "BidsifyVersion": "0.3.5",
    "ConversionSoftware": "dcm2niix",
    "ConversionSoftwareVersion": "v1.0.20181125  GCC6.3.0",
    "EchoTime": 0.02762,
    "EffectiveEchoSpacing": 0.0006621159151938905,
    "ImageComments": "piop",
    "ImageOrientationPatientDICOM": [
      0.9968,
      -0.0489632,
      -0.0631784,
      0.0339381,
      0.974891,
      -0.22008
    ],
    "Manufacturer": "Philips",
    "NumberOfVolumesDiscardedByScanner": 2,
    "ParallelAcquisitionTechnique": "SENSE",
    "ParallelReductionFactorInPlane": 2,
    "PatientPosition": "HFS",
    "PhaseEncodingDirection": "j",
    "PhilipsRescaleIntercept": 0,
    "PhilipsRescaleSlope": 0.81441,
    "PhilipsScaleSlope": 0.0534485,
    "ProtocolName": "WIPpiopgstroopSENSE",
    "PulseSequenceType": "gradient echo EPI",
    "ReconMatrixPE": 80,
    "RepetitionTime": 2,
    "SeriesDescription": "ImageMRSERIES",
    "SeriesNumber": 3,
    "SliceEncodingDirection": "k",
    "SliceTiming": [
      0.0,
      0.0541,
      0.1081,
      0.1622,
      0.2162,
      0.2703,
      0.3243,
      0.3784,
      0.4324,
      0.4865,
      0.5405,
      0.5946,
      0.6486,
      0.7027,
      0.7568,
      0.8108,
      0.8649,
      0.9189,
      0.973,
      1.027,
      1.0811,
      1.1351,
      1.1892,
      1.2432,
      1.2973,
      1.3514,
      1.4054,
      1.4595,
      1.5135,
      1.5676,
      1.6216,
      1.6757,
      1.7297,
      1.7838,
      1.8378,
      1.8919,
      1.9459
    ],
    "TaskName": "gstroop",
    "TotalReadoutTime": 0.025822520692561732,
    "UsePhilipsFloatNotDisplayScaling": 1,
    "acq_id": "seq",
    "dataset": "ds002785",
    "modality": "bold",
    "subject_id": "0038",
    "task_id": "gstroop"
  },
  "dummy_trs": 0,
  "dvars_nstd": 23.16586437377051,
  "dvars_std": 1.2459882785655745,
  "dvars_vstd": 1.0475972658606554,
  "efc": 0.43335992468518886,
  "fber": 161840.34375,
  "fd_mean": 0.17424556162076996,
  "fd_num": 52,
  "fd_perc": 21.224489795918366,
  "fwhm_avg": 1.8218571801810388,
  "fwhm_x": 1.76855,
  "fwhm_y": 1.93977,
  "fwhm_z": 1.7572515405431162,
  "gcor": 0.0399425,
  "gsr_x": -0.02106688916683197,
  "gsr_y": 0.014855715446174145,
  "provenance": {
    "md5sum": "5e7d0f7230219aa084e2ab362d7ded5f",
    "settings": {
      "fd_thres": 0.2,
      "testing": false
    },
    "software": "mriqc",
    "version": "22.0.0rc1",
    "webapi_port": null,
    "webapi_url": "https://mriqc.nimh.nih.gov/api/v1"
  },
  "size_t": 245,
  "size_x": 80,
  "size_y": 80,
  "size_z": 37,
  "snr": 5.348942668977052,
  "spacing_tr": 2.0,
  "spacing_x": 3.0,
  "spacing_y": 3.0,
  "spacing_z": 3.299999952316284,
  "summary_bg_k": 52.80426844061117,
  "summary_bg_mad": 72.91698199856842,
  "summary_bg_mean": 678.0912475585938,
  "summary_bg_median": 64.55914306640625,
  "summary_bg_n": 158521.0,
  "summary_bg_p05": 5.160905361175537,
  "summary_bg_p95": 3634.55810546875,
  "summary_bg_stdv": 2036.566162109375,
  "summary_fg_k": 1.0850061030945,
  "summary_fg_mad": 4707.309822928344,
  "summary_fg_mean": 27414.96875,
  "summary_fg_median": 26902.421875,
  "summary_fg_n": 35928.0,
  "summary_fg_p05": 20104.51298828125,
  "summary_fg_p95": 36131.5431640625,
  "summary_fg_stdv": 5029.4140625,
  "tsnr": 53.79391098022461
}