{
  "aor": 0.0041574691358024695,
  "aqi": 0.01233186938271605,
  "bids_meta": {
    "AcquisitionNumber": 8,
    "BidsifyVersion": "0.3.5",
    "ConversionSoftware": "dcm2niix",
    "ConversionSoftwareVersion": "v1.0.20181125  GCC6.3.0",
    "EchoTime": 0.02762,
    "EffectiveEchoSpacing": 0.0006621159151938905,
    "ImageComments": "piop",
    "ImageOrientationPatientDICOM": [
      0.9968,
      -0.0489632,
      -0.0631784,
      0.0339381,
      0.974891,
      -0.22008
    ],
    "Manufacturer": "Philips",
    "NumberOfVolumesDiscardedByScanner": 2,
    "ParallelAcquisitionTechnique": "SENSE",
    "ParallelReductionFactorInPlane": 2,
    "PatientPosition": "HFS",
    "PhaseEncodingDirection": "j",
    "PhilipsRescaleIntercept": 0,
    "PhilipsRescaleSlope": 0.78388,
    "PhilipsScaleSlope": 0.0563493,
    "ProtocolName": "WIPpiopwmSENSE",
    "PulseSequenceType": "gradient echo EPI",
    "ReconMatrixPE": 80,
    "RepetitionTime": 2,
    "SeriesDescription": "ImageMRSERIES",
    "SeriesNumber": 8,
    "SliceEncodingDirection": "k",
    "SliceTiming": [
      0.0,
      0.0541,
      0.1081,
      0.1622,
      0.2162,
      0.2703,
      0.3243,
      0.3784,
      0.4324,
      0.4865,
      0.5405,
      0.5946,
      0.6486,
      0.7027,
      0.7568,
      0.8108,
      0.8649,
      0.9189,
      0.973,
      1.027,
      1.0811,
      1.1351,
      1.1892,
      1.2432,
      1.2973,
      1.3514,
      1.4054,
      1.4595,
      1.5135,
      1.5676,
      1.6216,
      1.6757,
      1.7297,
      1.7838,
      1.8378,
      1.8919,
      1.9459
    ],
    "TaskName": "workingmemory",
    "TotalReadoutTime": 0.025822520692561732,
    "UsePhilipsFloatNotDisplayScaling": 1,
    "acq_id": "seq",
    "dataset": "ds002785",
    "modality": "bold",
    "subject_id": "0038",
    "task_id": "workingmemory"
  },
  "dummy_trs": 0,
  "dvars_nstd": 27.353272052857136,
  "dvars_std": 1.1784019175155283,
  "dvars_vstd": 0.9765421959006209,
  "efc": 0.4342639298628277,
  "fber": 158011.859375,
  "fd_mean": 0.25429779851828493,
  "fd_num": 60,
  "fd_perc": 37.03703703703704,
  "fwhm_avg": 1.8340719275690447,
  "fwhm_x": 1.7867433333333331,
  "fwhm_y": 1.97623,
  "fwhm_z": 1.7392424493738008,
  "gcor": 0.0208007,
  "gsr_x": -0.020560486242175102,
  "gsr_y": 0.017207307741045952,
  "provenance": {
    "md5sum": "c6ca4b2b023689cb3c40c824d9f0b64a",
    "settings": {
      "fd_thres": 0.2,
      "testing": false
    },
    "software": "mriqc",
    "version": "22.0.0rc1",
    "webapi_port": null,
    "webapi_url": "https://mriqc.nimh.nih.gov/api/v1"
  },
  "size_t": 162,
  "size_x": 80,
  "size_y": 80,
  "size_z": 37,
  "snr": 5.358647289979494,
  "spacing_tr": 2.0,
  "spacing_x": 3.0,
  "spacing_y": 3.0,
  "spacing_z": 3.299999952316284,
  "summary_bg_k": 48.84384082705088,
  "summary_bg_mad": 70.04971482749514,
  "summary_bg_mean": 667.2122192382812,
  "summary_bg_median": 63.11980438232422,
  "summary_bg_n": 158368.0,
  "summary_bg_p05": 6.168278217315674,
  "summary_bg_p95": 3604.3303344726523,
  "summary_bg_stdv": 1973.5191650390625,
  "summary_fg_k": 1.1237826871608538,
  "summary_fg_mad": 4528.518709494163,
  "summary_fg_mean": 26532.998046875,
  "summary_fg_median": 26061.3359375,
  "summary_fg_n": 36123.0,
  "summary_fg_p05": 19385.1857421875,
  "summary_fg_p95": 34882.96171875,
  "summary_fg_stdv": 4863.349609375,
  "tsnr": 47.440311431884766
}