{
  "aor": 0.002618740740740741,
  "aqi": 0.011010957925925926,
  "bids_meta": {
    "AcquisitionNumber": 5,
    "BidsifyVersion": "0.3.5",
    "ConversionSoftware": "dcm2niix",
    "ConversionSoftwareVersion": "v1.0.20181125  GCC6.3.0",
    "EchoTime": 0.02762,
    "EffectiveEchoSpacing": 0.0006621159151938905,
    "ImageComments": "piop",
    "ImageOrientationPatientDICOM": [
      0.9968,
      -0.0489632,
      -0.0631784,
      0.0339381,
      0.974891,
      -0.22008
    ],
    "Manufacturer": "Philips",
    "NumberOfVolumesDiscardedByScanner": 2,
    "ParallelAcquisitionTechnique": "SENSE",
    "ParallelReductionFactorInPlane": 2,
    "PatientPosition": "HFS",
    "PhaseEncodingDirection": "j",
    "PhilipsRescaleIntercept": 0,
    "PhilipsRescaleSlope": 0.79634,
    "PhilipsScaleSlope": 0.0548524,
    "ProtocolName": "WIPpiopharririSENSE",
    "PulseSequenceType": "gradient echo EPI",
    "ReconMatrixPE": 80,
    "RepetitionTime": 2,
    "SeriesDescription": "ImageMRSERIES",
    "SeriesNumber": 5,
    "SliceEncodingDirection": "k",
    "SliceTiming": [
      0.0,
      0.0541,
      0.1081,
      0.1622,
      0.2162,
      0.2703,
      0.3243,
      0.3784,
      0.4324,
      0.4865,
      0.5405,
      0.5946,
      0.6486,
      0.7027,
      0.7568,
      0.8108,
      0.8649,
      0.9189,
      0.973,
      1.027,
      1.0811,
      1.1351,
      1.1892,
      1.2432,
      1.2973,
      1.3514,
      1.4054,
      1.4595,
      1.5135,
      1.5676,
      1.6216,
      1.6757,
      1.7297,
      1.7838,
      1.8378,
      1.8919,
      1.9459
    ],
    "TaskName": "emomatching",
    "TotalReadoutTime": 0.025822520692561732,
    "UsePhilipsFloatNotDisplayScaling": 1,
    "acq_id": "seq",
    "dataset": "ds002785",
    "modality": "bold",
    "subject_id": "0038",
    "task_id": "emomatching"
  },
  "dummy_trs": 0,
  "dvars_nstd": 26.870892909179116,
  "dvars_std": 1.1605186076865681,
  "dvars_vstd": 0.9498586782089558,
  "efc": 0.4335156869908884,
  "fber": 161519.421875,
  "fd_mean": 0.2349925553780757,
  "fd_num": 48,
  "fd_perc": 35.55555555555556,
  "fwhm_avg": 1.8676502105920034,
  "fwhm_x": 1.8203366666666667,
  "fwhm_y": 2.0029533333333336,
  "fwhm_z": 1.7796606317760097,
  "gcor": 0.0138619,
  "gsr_x": -0.0210031196475029,
  "gsr_y": 0.015935556963086128,
  "provenance": {
    "md5sum": "065dbfeb22bdf635dcd563cb08c87e1f",
    "settings": {
      "fd_thres": 0.2,
      "testing": false
    },
    "software": "mriqc",
    "version": "22.0.0rc1",
    "webapi_port": null,
    "webapi_url": "https://mriqc.nimh.nih.gov/api/v1"
  },
  "size_t": 135,
  "size_x": 80,
  "size_y": 80,
  "size_z": 37,
  "snr": 5.226604277167771,
  "spacing_tr": 2.0,
  "spacing_x": 3.0,
  "spacing_y": 3.0,
  "spacing_z": 3.299999952316284,
  "summary_bg_k": 54.94843502916251,
  "summary_bg_mad": 70.76365305658128,
  "summary_bg_mean": 664.988525390625,
  "summary_bg_median": 62.573978424072266,
  "summary_bg_n": 158389.0,
  "summary_bg_p05": 5.1495201110839846,
  "summary_bg_p95": 3570.138574218753,
  "summary_bg_stdv": 2007.668212890625,
  "summary_fg_k": 0.8985930286537052,
  "summary_fg_mad": 4683.951598718235,
  "summary_fg_mean": 26746.953125,
  "summary_fg_median": 26209.984375,
  "summary_fg_n": 36090.0,
  "summary_fg_p05": 19395.1796875,
  "summary_fg_p95": 35442.4603515625,
  "summary_fg_stdv": 5014.65576171875,
  "tsnr": 50.85573959350586
}