{
  "aor": 0.0009730370370370369,
  "aqi": 0.0029740837777777777,
  "bids_meta": {
    "AcquisitionNumber": 5,
    "BidsifyVersion": "0.3.5",
    "ConversionSoftware": "dcm2niix",
    "ConversionSoftwareVersion": "v1.0.20181125  GCC6.3.0",
    "EchoTime": 0.02762,
    "EffectiveEchoSpacing": 0.0006621159151938905,
    "ImageComments": "piop",
    "ImageOrientationPatientDICOM": [
      0.997272,
      0.0676723,
      0.0294729,
      -0.057677,
      0.963626,
      -0.260956
    ],
    "Manufacturer": "Philips",
    "NumberOfVolumesDiscardedByScanner": 2,
    "ParallelAcquisitionTechnique": "SENSE",
    "ParallelReductionFactorInPlane": 2,
    "PatientPosition": "HFS",
    "PhaseEncodingDirection": "j",
    "PhilipsRescaleIntercept": 0,
    "PhilipsRescaleSlope": 0.79805,
    "PhilipsScaleSlope": 0.0541307,
    "ProtocolName": "WIPpiopharririSENSE",
    "PulseSequenceType": "gradient echo EPI",
    "ReconMatrixPE": 80,
    "RepetitionTime": 2,
    "SeriesDescription": "ImageMRSERIES",
    "SeriesNumber": 5,
    "SliceEncodingDirection": "k",
    "SliceTiming": [
      0.0,
      0.0541,
      0.1081,
      0.1622,
      0.2162,
      0.2703,
      0.3243,
      0.3784,
      0.4324,
      0.4865,
      0.5405,
      0.5946,
      0.6486,
      0.7027,
      0.7568,
      0.8108,
      0.8649,
      0.9189,
      0.973,
      1.027,
      1.0811,
      1.1351,
      1.1892,
      1.2432,
      1.2973,
      1.3514,
      1.4054,
      1.4595,
      1.5135,
      1.5676,
      1.6216,
      1.6757,
      1.7297,
      1.7838,
      1.8378,
      1.8919,
      1.9459
    ],
    "TaskName": "emomatching",
    "TotalReadoutTime": 0.025822520692561732,
    "UsePhilipsFloatNotDisplayScaling": 1,
    "acq_id": "seq",
    "dataset": "ds002785",
    "modality": "bold",
    "subject_id": "0154",
    "task_id": "emomatching"
  },
  "dummy_trs": 0,
  "dvars_nstd": 23.60309404402985,
  "dvars_std": 1.2376514541791042,
  "dvars_vstd": 1.0076840911194034,
  "efc": 0.4391024535838108,
  "fber": 112193.0703125,
  "fd_mean": 0.15112850335836403,
  "fd_num": 20,
  "fd_perc": 14.814814814814815,
  "fwhm_avg": 1.8268777862763965,
  "fwhm_x": 1.7656666666666665,
  "fwhm_y": 1.9505,
  "fwhm_z": 1.7644666921625236,
  "gcor": 0.0167096,
  "gsr_x": -0.011255297809839249,
  "gsr_y": 0.016721272841095924,
  "provenance": {
    "md5sum": "02853999751bcc1ebd7644ca386298e7",
    "settings": {
      "fd_thres": 0.2,
      "testing": false
    },
    "software": "mriqc",
    "version": "22.0.0rc1",
    "webapi_port": null,
    "webapi_url": "https://mriqc.nimh.nih.gov/api/v1"
  },
  "size_t": 135,
  "size_x": 80,
  "size_y": 80,
  "size_z": 37,
  "snr": 4.450957526022908,
  "spacing_tr": 2.0,
  "spacing_x": 3.0,
  "spacing_y": 3.0,
  "spacing_z": 3.299999952316284,
  "summary_bg_k": 63.37342538729156,
  "summary_bg_mad": 80.21755113035476,
  "summary_bg_mean": 567.8482666015625,
  "summary_bg_median": 67.30030822753906,
  "summary_bg_n": 156929.0,
  "summary_bg_p05": 4.174460887908936,
  "summary_bg_p95": 2897.8065917968756,
  "summary_bg_stdv": 1496.82080078125,
  "summary_fg_k": 2.2789782028274894,
  "summary_fg_mad": 4468.021589281234,
  "summary_fg_mean": 23683.255859375,
  "summary_fg_median": 22864.81640625,
  "summary_fg_n": 38418.0,
  "summary_fg_p05": 17225.43154296875,
  "summary_fg_p95": 32973.034765625,
  "summary_fg_stdv": 5136.98876953125,
  "tsnr": 79.69023132324219
}