{
  "aor": 0.0007523333333333333,
  "aqi": 0.00954551075757576,
  "bids_meta": {
    "AcquisitionNumber": 2,
    "BidsifyVersion": "0.3.5",
    "ConversionSoftware": "dcm2niix",
    "ConversionSoftwareVersion": "v1.0.20181125  GCC6.3.0",
    "EchoTime": 0.02762,
    "EffectiveEchoSpacing": 0.0006333282667071997,
    "ImageComments": "piop",
    "ImageOrientationPatientDICOM": [
      0.997272,
      0.0676723,
      0.0294729,
      -0.057677,
      0.963626,
      -0.260956
    ],
    "Manufacturer": "Philips",
    "NumberOfVolumesDiscardedByScanner": 2,
    "ParallelAcquisitionTechnique": "SENSE",
    "ParallelReductionFactorInPlane": 2,
    "PatientPosition": "HFS",
    "PhaseEncodingDirection": "j",
    "PhilipsRescaleIntercept": 0,
    "PhilipsRescaleSlope": 0.77265,
    "PhilipsScaleSlope": 0.0931956,
    "ProtocolName": "WIPpiopfacesSENSE",
    "PulseSequenceType": "gradient echo EPI",
    "ReconMatrixPE": 80,
    "RepetitionTime": 0.75,
    "SeriesDescription": "ImageMRSERIES",
    "SeriesNumber": 2,
    "SliceEncodingDirection": "k",
    "SliceTiming": [
      0.0,
      0.06755050505050506,
      0.1351010101010101,
      0.20265151515151517,
      0.2702020202020202,
      0.3377525252525253,
      0.40530303030303033,
      0.47285353535353536,
      0.5404040404040404,
      0.6079545454545455,
      0.6755050505050506,
      0.7430555555555556,
      0.0,
      0.06755050505050506,
      0.1351010101010101,
      0.20265151515151517,
      0.2702020202020202,
      0.3377525252525253,
      0.40530303030303033,
      0.47285353535353536,
      0.5404040404040404,
      0.6079545454545455,
      0.6755050505050506,
      0.7430555555555556,
      0.0,
      0.06755050505050506,
      0.1351010101010101,
      0.20265151515151517,
      0.2702020202020202,
      0.3377525252525253,
      0.40530303030303033,
      0.47285353535353536,
      0.5404040404040404,
      0.6079545454545455,
      0.6755050505050506,
      0.7430555555555556
    ],
    "TaskName": "faces",
    "TotalReadoutTime": 0.024699802401580786,
    "UsePhilipsFloatNotDisplayScaling": 1,
    "acq_id": "mb3",
    "dataset": "ds002785",
    "modality": "bold",
    "subject_id": "0154",
    "task_id": "faces"
  },
  "dummy_trs": 0,
  "dvars_nstd": 30.6991215623404,
  "dvars_std": 1.1408528825835869,
  "dvars_vstd": 1.0108798584194523,
  "efc": 0.4456384794865789,
  "fber": 119250.3046875,
  "fd_mean": 0.13034326229055215,
  "fd_num": 30,
  "fd_perc": 9.090909090909092,
  "fwhm_avg": 1.8094647557918997,
  "fwhm_x": 1.77325,
  "fwhm_y": 1.9283533333333331,
  "fwhm_z": 1.7267909340423662,
  "gcor": 0.0175648,
  "gsr_x": -0.011697511188685894,
  "gsr_y": 0.015684397891163826,
  "provenance": {
    "md5sum": "0561a4f657f9e5580cf6dfbc6d319c85",
    "settings": {
      "fd_thres": 0.2,
      "testing": false
    },
    "software": "mriqc",
    "version": "22.0.0rc1",
    "webapi_port": null,
    "webapi_url": "https://mriqc.nimh.nih.gov/api/v1"
  },
  "size_t": 330,
  "size_x": 80,
  "size_y": 80,
  "size_z": 36,
  "snr": 5.870094499725524,
  "spacing_tr": 0.75,
  "spacing_x": 3.0,
  "spacing_y": 3.0,
  "spacing_z": 3.299999952316284,
  "summary_bg_k": 48.036785331399216,
  "summary_bg_mad": 59.79997864240979,
  "summary_bg_mean": 430.34039306640625,
  "summary_bg_median": 48.940208435058594,
  "summary_bg_n": 152363.0,
  "summary_bg_p05": 2.910587000846863,
  "summary_bg_p95": 2130.056079101561,
  "summary_bg_stdv": 1087.070556640625,
  "summary_fg_k": 1.5875533576795622,
  "summary_fg_mad": 2635.5165600859364,
  "summary_fg_mean": 17422.603515625,
  "summary_fg_median": 17160.599609375,
  "summary_fg_n": 37368.0,
  "summary_fg_p05": 13324.707568359376,
  "summary_fg_p95": 22460.34091796875,
  "summary_fg_stdv": 2923.35498046875,
  "tsnr": 48.9998779296875
}