{
  "aor": 0.0020786875000000002,
  "aqi": 0.008516410708333333,
  "bids_meta": {
    "AcquisitionNumber": 6,
    "BidsifyVersion": "0.3.5",
    "ConversionSoftware": "dcm2niix",
    "ConversionSoftwareVersion": "v1.0.20181125  GCC6.3.0",
    "EchoTime": 0.02762,
    "EffectiveEchoSpacing": 0.0006333282667071997,
    "ImageComments": "PIOP",
    "ImageOrientationPatientDICOM": [
      0.999103,
      0.042048,
      -0.00499472,
      -0.0418748,
      0.963642,
      -0.263895
    ],
    "Manufacturer": "Philips",
    "NumberOfVolumesDiscardedByScanner": 2,
    "ParallelAcquisitionTechnique": "SENSE",
    "ParallelReductionFactorInPlane": 2,
    "PatientPosition": "HFS",
    "PhaseEncodingDirection": "j",
    "PhilipsRescaleIntercept": 0,
    "PhilipsRescaleSlope": 0.90061,
    "PhilipsScaleSlope": 0.0849313,
    "ProtocolName": "WIPpioprsSENSE",
    "PulseSequenceType": "gradient echo EPI",
    "ReconMatrixPE": 80,
    "RepetitionTime": 0.75,
    "SeriesDescription": "ImageMRSERIES",
    "SeriesNumber": 6,
    "SliceEncodingDirection": "k",
    "SliceTiming": [
      0.0,
      0.06755050505050506,
      0.1351010101010101,
      0.20265151515151517,
      0.2702020202020202,
      0.3377525252525253,
      0.40530303030303033,
      0.47285353535353536,
      0.5404040404040404,
      0.6079545454545455,
      0.6755050505050506,
      0.7430555555555556,
      0.0,
      0.06755050505050506,
      0.1351010101010101,
      0.20265151515151517,
      0.2702020202020202,
      0.3377525252525253,
      0.40530303030303033,
      0.47285353535353536,
      0.5404040404040404,
      0.6079545454545455,
      0.6755050505050506,
      0.7430555555555556,
      0.0,
      0.06755050505050506,
      0.1351010101010101,
      0.20265151515151517,
      0.2702020202020202,
      0.3377525252525253,
      0.40530303030303033,
      0.47285353535353536,
      0.5404040404040404,
      0.6079545454545455,
      0.6755050505050506,
      0.7430555555555556
    ],
    "TaskName": "restingstate",
    "TotalReadoutTime": 0.024699802401580786,
    "UsePhilipsFloatNotDisplayScaling": 1,
    "acq_id": "mb3",
    "dataset": "ds002785",
    "modality": "bold",
    "subject_id": "0012",
    "task_id": "restingstate"
  },
  "dummy_trs": 0,
  "dvars_nstd": 30.513978842797496,
  "dvars_std": 1.155259976889353,
  "dvars_vstd": 1.026333198977036,
  "efc": 0.4259962477644244,
  "fber": 192741.671875,
  "fd_mean": 0.08909040692000433,
  "fd_num": 12,
  "fd_perc": 2.5,
  "fwhm_avg": 1.820698838713574,
  "fwhm_x": 1.7922533333333333,
  "fwhm_y": 1.9108066666666668,
  "fwhm_z": 1.7590365161407227,
  "gcor": 0.0138214,
  "gsr_x": -0.02414763532578945,
  "gsr_y": 0.012640360742807388,
  "provenance": {
    "md5sum": "9f899aada3b242abd1e60eedeb6066f9",
    "settings": {
      "fd_thres": 0.2,
      "testing": false
    },
    "software": "mriqc",
    "version": "22.0.0rc1",
    "webapi_port": null,
    "webapi_url": "https://mriqc.nimh.nih.gov/api/v1"
  },
  "size_t": 480,
  "size_x": 80,
  "size_y": 80,
  "size_z": 36,
  "snr": 5.920043310662184,
  "spacing_tr": 0.75,
  "spacing_x": 3.0,
  "spacing_y": 3.0,
  "spacing_z": 3.299999713897705,
  "summary_bg_k": 40.74692820173964,
  "summary_bg_mad": 39.47131695731095,
  "summary_bg_mean": 321.7375183105469,
  "summary_bg_median": 35.57493591308594,
  "summary_bg_n": 154852.0,
  "summary_bg_p05": 1.329218578338623,
  "summary_bg_p95": 1596.7877746581999,
  "summary_bg_stdv": 959.2301025390625,
  "summary_fg_k": 0.9227910546296787,
  "summary_fg_mad": 2568.7531289338567,
  "summary_fg_mean": 16134.11328125,
  "summary_fg_median": 16017.0009765625,
  "summary_fg_n": 34842.0,
  "summary_fg_p05": 11942.873486328126,
  "summary_fg_p95": 20701.517675781248,
  "summary_fg_stdv": 2705.515869140625,
  "tsnr": 48.26545715332031
}