{
  "aor": 0.0030702962962962967,
  "aqi": 0.00394326637037037,
  "bids_meta": {
    "AcquisitionNumber": 5,
    "BidsifyVersion": "0.3.5",
    "ConversionSoftware": "dcm2niix",
    "ConversionSoftwareVersion": "v1.0.20181125  GCC6.3.0",
    "EchoTime": 0.02762,
    "EffectiveEchoSpacing": 0.0006621159151938905,
    "ImageComments": "PIOP",
    "ImageOrientationPatientDICOM": [
      0.999103,
      0.042048,
      -0.00499472,
      -0.0418748,
      0.963642,
      -0.263895
    ],
    "Manufacturer": "Philips",
    "NumberOfVolumesDiscardedByScanner": 2,
    "ParallelAcquisitionTechnique": "SENSE",
    "ParallelReductionFactorInPlane": 2,
    "PatientPosition": "HFS",
    "PhaseEncodingDirection": "j",
    "PhilipsRescaleIntercept": 0,
    "PhilipsRescaleSlope": 0.78388,
    "PhilipsScaleSlope": 0.0612911,
    "ProtocolName": "WIPpiopharririSENSE",
    "PulseSequenceType": "gradient echo EPI",
    "ReconMatrixPE": 80,
    "RepetitionTime": 2,
    "SeriesDescription": "ImageMRSERIES",
    "SeriesNumber": 5,
    "SliceEncodingDirection": "k",
    "SliceTiming": [
      0.0,
      0.0541,
      0.1081,
      0.1622,
      0.2162,
      0.2703,
      0.3243,
      0.3784,
      0.4324,
      0.4865,
      0.5405,
      0.5946,
      0.6486,
      0.7027,
      0.7568,
      0.8108,
      0.8649,
      0.9189,
      0.973,
      1.027,
      1.0811,
      1.1351,
      1.1892,
      1.2432,
      1.2973,
      1.3514,
      1.4054,
      1.4595,
      1.5135,
      1.5676,
      1.6216,
      1.6757,
      1.7297,
      1.7838,
      1.8378,
      1.8919,
      1.9459
    ],
    "TaskName": "emomatching",
    "TotalReadoutTime": 0.025822520692561732,
    "UsePhilipsFloatNotDisplayScaling": 1,
    "acq_id": "seq",
    "dataset": "ds002785",
    "modality": "bold",
    "subject_id": "0012",
    "task_id": "emomatching"
  },
  "dummy_trs": 0,
  "dvars_nstd": 22.947184149850752,
  "dvars_std": 1.2890298587313431,
  "dvars_vstd": 1.0250979515671643,
  "efc": 0.4185700464529103,
  "fber": 179195.453125,
  "fd_mean": 0.1312603360423225,
  "fd_num": 17,
  "fd_perc": 12.592592592592593,
  "fwhm_avg": 1.7798972221930824,
  "fwhm_x": 1.7303766666666667,
  "fwhm_y": 1.8626966666666667,
  "fwhm_z": 1.7466183332459133,
  "gcor": 0.0456239,
  "gsr_x": -0.021959979087114334,
  "gsr_y": 0.01189597137272358,
  "provenance": {
    "md5sum": "053ed0b69316b85904da35785e287d61",
    "settings": {
      "fd_thres": 0.2,
      "testing": false
    },
    "software": "mriqc",
    "version": "22.0.0rc1",
    "webapi_port": null,
    "webapi_url": "https://mriqc.nimh.nih.gov/api/v1"
  },
  "size_t": 135,
  "size_x": 80,
  "size_y": 80,
  "size_z": 37,
  "snr": 4.798535179003475,
  "spacing_tr": 2.0,
  "spacing_x": 3.0,
  "spacing_y": 3.0,
  "spacing_z": 3.299999713897705,
  "summary_bg_k": 55.02469937270883,
  "summary_bg_mad": 52.257807403112956,
  "summary_bg_mean": 447.96051025390625,
  "summary_bg_median": 52.646263122558594,
  "summary_bg_n": 159778.0,
  "summary_bg_p05": 3.7965454339981077,
  "summary_bg_p95": 2156.014794921874,
  "summary_bg_stdv": 1435.357666015625,
  "summary_fg_k": 2.232176487157271,
  "summary_fg_mad": 4121.990339462909,
  "summary_fg_mean": 23492.34375,
  "summary_fg_median": 22797.736328125,
  "summary_fg_n": 35646.0,
  "summary_fg_p05": 17051.0693359375,
  "summary_fg_p95": 31857.263671875,
  "summary_fg_stdv": 4750.91162109375,
  "tsnr": 75.06315612792969
}