{
  "aor": 0.0039448,
  "aqi": 0.00387638605,
  "bids_meta": {
    "AcquisitionNumber": 9,
    "BidsifyVersion": "0.3.5",
    "ConversionSoftware": "dcm2niix",
    "ConversionSoftwareVersion": "v1.0.20181125  GCC6.3.0",
    "EchoTime": 0.02762,
    "EffectiveEchoSpacing": 0.0006621159151938905,
    "ImageComments": "PIOP",
    "ImageOrientationPatientDICOM": [
      0.999103,
      0.042048,
      -0.00499472,
      -0.0418748,
      0.963642,
      -0.263895
    ],
    "Manufacturer": "Philips",
    "NumberOfVolumesDiscardedByScanner": 2,
    "ParallelAcquisitionTechnique": "SENSE",
    "ParallelReductionFactorInPlane": 2,
    "PatientPosition": "HFS",
    "PhaseEncodingDirection": "j",
    "PhilipsRescaleIntercept": 0,
    "PhilipsRescaleSlope": 0.79463,
    "PhilipsScaleSlope": 0.0593595,
    "ProtocolName": "WIPpiopanticipatieSENSE",
    "PulseSequenceType": "gradient echo EPI",
    "ReconMatrixPE": 80,
    "RepetitionTime": 2,
    "SeriesDescription": "ImageMRSERIES",
    "SeriesNumber": 9,
    "SliceEncodingDirection": "k",
    "SliceTiming": [
      0.0,
      0.0541,
      0.1081,
      0.1622,
      0.2162,
      0.2703,
      0.3243,
      0.3784,
      0.4324,
      0.4865,
      0.5405,
      0.5946,
      0.6486,
      0.7027,
      0.7568,
      0.8108,
      0.8649,
      0.9189,
      0.973,
      1.027,
      1.0811,
      1.1351,
      1.1892,
      1.2432,
      1.2973,
      1.3514,
      1.4054,
      1.4595,
      1.5135,
      1.5676,
      1.6216,
      1.6757,
      1.7297,
      1.7838,
      1.8378,
      1.8919,
      1.9459
    ],
    "TaskName": "anticipation",
    "TotalReadoutTime": 0.025822520692561732,
    "UsePhilipsFloatNotDisplayScaling": 1,
    "acq_id": "seq",
    "dataset": "ds002785",
    "modality": "bold",
    "subject_id": "0012",
    "task_id": "anticipation"
  },
  "dummy_trs": 0,
  "dvars_nstd": 25.12682226552765,
  "dvars_std": 1.3328824227638196,
  "dvars_vstd": 1.0319913892964823,
  "efc": 0.4187723104152047,
  "fber": 182495.328125,
  "fd_mean": 0.1581186937276701,
  "fd_num": 41,
  "fd_perc": 20.5,
  "fwhm_avg": 1.7809943940668351,
  "fwhm_x": 1.7339900000000001,
  "fwhm_y": 1.8569566666666668,
  "fwhm_z": 1.7520365155338387,
  "gcor": 0.0363016,
  "gsr_x": -0.022273413836956024,
  "gsr_y": 0.012017062865197659,
  "provenance": {
    "md5sum": "a5bc1c88197085a160ec94f5e8b783d7",
    "settings": {
      "fd_thres": 0.2,
      "testing": false
    },
    "software": "mriqc",
    "version": "22.0.0rc1",
    "webapi_port": null,
    "webapi_url": "https://mriqc.nimh.nih.gov/api/v1"
  },
  "size_t": 200,
  "size_x": 80,
  "size_y": 80,
  "size_z": 37,
  "snr": 4.751464677529569,
  "spacing_tr": 2.0,
  "spacing_x": 3.0,
  "spacing_y": 3.0,
  "spacing_z": 3.299999713897705,
  "summary_bg_k": 52.87830933618425,
  "summary_bg_mad": 52.162018588094206,
  "summary_bg_mean": 449.6363525390625,
  "summary_bg_median": 52.012977600097656,
  "summary_bg_n": 159823.0,
  "summary_bg_p05": 3.7880605220794688,
  "summary_bg_p95": 2201.840478515625,
  "summary_bg_stdv": 1428.205322265625,
  "summary_fg_k": 2.170307969770109,
  "summary_fg_mad": 4151.056003072773,
  "summary_fg_mean": 23433.689453125,
  "summary_fg_median": 22729.15625,
  "summary_fg_n": 35684.0,
  "summary_fg_p05": 16940.77236328125,
  "summary_fg_p95": 31922.066113281246,
  "summary_fg_stdv": 4783.54345703125,
  "tsnr": 76.94084930419922
}