{
  "aor": 0.0008560816326530612,
  "aqi": 0.0052715501632653065,
  "bids_meta": {
    "AcquisitionNumber": 3,
    "BidsifyVersion": "0.3.5",
    "ConversionSoftware": "dcm2niix",
    "ConversionSoftwareVersion": "v1.0.20181125  GCC6.3.0",
    "EchoTime": 0.02762,
    "EffectiveEchoSpacing": 0.0006621159151938905,
    "ImageComments": "PIOP",
    "ImageOrientationPatientDICOM": [
      0.999103,
      0.042048,
      -0.00499472,
      -0.0418748,
      0.963642,
      -0.263895
    ],
    "Manufacturer": "Philips",
    "NumberOfVolumesDiscardedByScanner": 2,
    "ParallelAcquisitionTechnique": "SENSE",
    "ParallelReductionFactorInPlane": 2,
    "PatientPosition": "HFS",
    "PhaseEncodingDirection": "j",
    "PhilipsRescaleIntercept": 0,
    "PhilipsRescaleSlope": 0.78388,
    "PhilipsScaleSlope": 0.0614687,
    "ProtocolName": "WIPpiopgstroopSENSE",
    "PulseSequenceType": "gradient echo EPI",
    "ReconMatrixPE": 80,
    "RepetitionTime": 2,
    "SeriesDescription": "ImageMRSERIES",
    "SeriesNumber": 3,
    "SliceEncodingDirection": "k",
    "SliceTiming": [
      0.0,
      0.0541,
      0.1081,
      0.1622,
      0.2162,
      0.2703,
      0.3243,
      0.3784,
      0.4324,
      0.4865,
      0.5405,
      0.5946,
      0.6486,
      0.7027,
      0.7568,
      0.8108,
      0.8649,
      0.9189,
      0.973,
      1.027,
      1.0811,
      1.1351,
      1.1892,
      1.2432,
      1.2973,
      1.3514,
      1.4054,
      1.4595,
      1.5135,
      1.5676,
      1.6216,
      1.6757,
      1.7297,
      1.7838,
      1.8378,
      1.8919,
      1.9459
    ],
    "TaskName": "gstroop",
    "TotalReadoutTime": 0.025822520692561732,
    "UsePhilipsFloatNotDisplayScaling": 1,
    "acq_id": "seq",
    "dataset": "ds002785",
    "modality": "bold",
    "subject_id": "0012",
    "task_id": "gstroop"
  },
  "dummy_trs": 0,
  "dvars_nstd": 22.26945570663934,
  "dvars_std": 1.193452312172131,
  "dvars_vstd": 0.9645006956147537,
  "efc": 0.41813211193282535,
  "fber": 178936.71875,
  "fd_mean": 0.12231202554169161,
  "fd_num": 18,
  "fd_perc": 7.346938775510204,
  "fwhm_avg": 1.7656171209354987,
  "fwhm_x": 1.7113500000000001,
  "fwhm_y": 1.8474466666666667,
  "fwhm_z": 1.7380546961398293,
  "gcor": 0.0242856,
  "gsr_x": -0.022327661514282227,
  "gsr_y": 0.011166764423251152,
  "provenance": {
    "md5sum": "24d7be4c56b66bdc08698e355efc0aee",
    "settings": {
      "fd_thres": 0.2,
      "testing": false
    },
    "software": "mriqc",
    "version": "22.0.0rc1",
    "webapi_port": null,
    "webapi_url": "https://mriqc.nimh.nih.gov/api/v1"
  },
  "size_t": 245,
  "size_x": 80,
  "size_y": 80,
  "size_z": 37,
  "snr": 4.860675070000384,
  "spacing_tr": 2.0,
  "spacing_x": 3.0,
  "spacing_y": 3.0,
  "spacing_z": 3.299999713897705,
  "summary_bg_k": 59.33164150118225,
  "summary_bg_mad": 51.65892335133522,
  "summary_bg_mean": 446.5769958496094,
  "summary_bg_median": 52.84249496459961,
  "summary_bg_n": 159915.0,
  "summary_bg_p05": 4.622816705703737,
  "summary_bg_p95": 2112.317285156244,
  "summary_bg_stdv": 1453.2027587890625,
  "summary_fg_k": 2.342373794372948,
  "summary_fg_mad": 4023.8519180031963,
  "summary_fg_mean": 23555.875,
  "summary_fg_median": 22856.865234375,
  "summary_fg_n": 35541.0,
  "summary_fg_p05": 17243.068359375,
  "summary_fg_p95": 31904.720703125,
  "summary_fg_stdv": 4702.33935546875,
  "tsnr": 73.15623474121094
}