{
  "aor": 0.000557030303030303,
  "aqi": 0.005749012393939394,
  "bids_meta": {
    "AcquisitionNumber": 2,
    "BidsifyVersion": "0.3.5",
    "ConversionSoftware": "dcm2niix",
    "ConversionSoftwareVersion": "v1.0.20181125  GCC6.3.0",
    "EchoTime": 0.02762,
    "EffectiveEchoSpacing": 0.0006333282667071997,
    "ImageComments": "Piop",
    "ImageOrientationPatientDICOM": [
      0.998208,
      0.0304763,
      0.0515076,
      -0.0252673,
      0.994775,
      -0.098918
    ],
    "Manufacturer": "Philips",
    "NumberOfVolumesDiscardedByScanner": 2,
    "ParallelAcquisitionTechnique": "SENSE",
    "ParallelReductionFactorInPlane": 2,
    "PatientPosition": "HFS",
    "PhaseEncodingDirection": "j",
    "PhilipsRescaleIntercept": 0,
    "PhilipsRescaleSlope": 0.79878,
    "PhilipsScaleSlope": 0.0774374,
    "ProtocolName": "WIPpiopfacesSENSE",
    "PulseSequenceType": "gradient echo EPI",
    "ReconMatrixPE": 80,
    "RepetitionTime": 0.75,
    "SeriesDescription": "ImageMRSERIES",
    "SeriesNumber": 2,
    "SliceEncodingDirection": "k",
    "SliceTiming": [
      0.0,
      0.06755050505050506,
      0.1351010101010101,
      0.20265151515151517,
      0.2702020202020202,
      0.3377525252525253,
      0.40530303030303033,
      0.47285353535353536,
      0.5404040404040404,
      0.6079545454545455,
      0.6755050505050506,
      0.7430555555555556,
      0.0,
      0.06755050505050506,
      0.1351010101010101,
      0.20265151515151517,
      0.2702020202020202,
      0.3377525252525253,
      0.40530303030303033,
      0.47285353535353536,
      0.5404040404040404,
      0.6079545454545455,
      0.6755050505050506,
      0.7430555555555556,
      0.0,
      0.06755050505050506,
      0.1351010101010101,
      0.20265151515151517,
      0.2702020202020202,
      0.3377525252525253,
      0.40530303030303033,
      0.47285353535353536,
      0.5404040404040404,
      0.6079545454545455,
      0.6755050505050506,
      0.7430555555555556
    ],
    "TaskName": "faces",
    "TotalReadoutTime": 0.024699802401580786,
    "UsePhilipsFloatNotDisplayScaling": 1,
    "acq_id": "mb3",
    "dataset": "ds002785",
    "modality": "bold",
    "subject_id": "0092",
    "task_id": "faces"
  },
  "dummy_trs": 0,
  "dvars_nstd": 24.054088749057765,
  "dvars_std": 1.113969812917934,
  "dvars_vstd": 1.011215420273556,
  "efc": 0.4743032091499731,
  "fber": 114475.7265625,
  "fd_mean": 0.08499223167072739,
  "fd_num": 1,
  "fd_perc": 0.30303030303030304,
  "fwhm_avg": 2.1632130854516824,
  "fwhm_x": 2.185423333333333,
  "fwhm_y": 2.3959066666666664,
  "fwhm_z": 1.9083092563550477,
  "gcor": 0.0271728,
  "gsr_x": -0.019471045583486557,
  "gsr_y": 0.019054632633924484,
  "provenance": {
    "md5sum": "fc9094dfbf615ef39f41adcb46ab7e49",
    "settings": {
      "fd_thres": 0.2,
      "testing": false
    },
    "software": "mriqc",
    "version": "22.0.0rc1",
    "webapi_port": null,
    "webapi_url": "https://mriqc.nimh.nih.gov/api/v1"
  },
  "size_t": 330,
  "size_x": 80,
  "size_y": 80,
  "size_z": 36,
  "snr": 5.738585719950668,
  "spacing_tr": 0.75,
  "spacing_x": 3.0,
  "spacing_y": 3.0,
  "spacing_z": 3.299999713897705,
  "summary_bg_k": 22.111379817154074,
  "summary_bg_mad": 65.10716849343378,
  "summary_bg_mean": 717.400634765625,
  "summary_bg_median": 56.018821716308594,
  "summary_bg_n": 148892.0,
  "summary_bg_p05": 5.838716363906861,
  "summary_bg_p95": 4047.9187377929675,
  "summary_bg_stdv": 1725.475830078125,
  "summary_fg_k": 0.28878399990943615,
  "summary_fg_mad": 3294.608534605585,
  "summary_fg_mean": 19476.099609375,
  "summary_fg_median": 19479.63671875,
  "summary_fg_n": 39422.0,
  "summary_fg_p05": 13892.491894531251,
  "summary_fg_p95": 24983.04873046875,
  "summary_fg_stdv": 3394.458251953125,
  "tsnr": 61.24229431152344
}