{
  "aor": 0.0010260655737704917,
  "aqi": 0.004788489057377049,
  "bids_meta": {
    "AcquisitionNumber": 3,
    "BidsifyVersion": "0.3.5",
    "ConversionSoftware": "dcm2niix",
    "ConversionSoftwareVersion": "v1.0.20181125  GCC6.3.0",
    "EchoTime": 0.02762,
    "EffectiveEchoSpacing": 0.0006621159151938905,
    "ImageComments": "Piop",
    "ImageOrientationPatientDICOM": [
      0.998208,
      0.0304763,
      0.0515076,
      -0.0252673,
      0.994775,
      -0.098918
    ],
    "Manufacturer": "Philips",
    "NumberOfVolumesDiscardedByScanner": 2,
    "ParallelAcquisitionTechnique": "SENSE",
    "ParallelReductionFactorInPlane": 2,
    "PatientPosition": "HFS",
    "PhaseEncodingDirection": "j",
    "PhilipsRescaleIntercept": 0,
    "PhilipsRescaleSlope": 0.77167,
    "PhilipsScaleSlope": 0.051083,
    "ProtocolName": "WIPpiopgstroopSENSE",
    "PulseSequenceType": "gradient echo EPI",
    "ReconMatrixPE": 80,
    "RepetitionTime": 2,
    "SeriesDescription": "ImageMRSERIES",
    "SeriesNumber": 3,
    "SliceEncodingDirection": "k",
    "SliceTiming": [
      0.0,
      0.0541,
      0.1081,
      0.1622,
      0.2162,
      0.2703,
      0.3243,
      0.3784,
      0.4324,
      0.4865,
      0.5405,
      0.5946,
      0.6486,
      0.7027,
      0.7568,
      0.8108,
      0.8649,
      0.9189,
      0.973,
      1.027,
      1.0811,
      1.1351,
      1.1892,
      1.2432,
      1.2973,
      1.3514,
      1.4054,
      1.4595,
      1.5135,
      1.5676,
      1.6216,
      1.6757,
      1.7297,
      1.7838,
      1.8378,
      1.8919,
      1.9459
    ],
    "TaskName": "gstroop",
    "TotalReadoutTime": 0.025822520692561732,
    "UsePhilipsFloatNotDisplayScaling": 1,
    "acq_id": "seq",
    "dataset": "ds002785",
    "modality": "bold",
    "subject_id": "0092",
    "task_id": "gstroop"
  },
  "dummy_trs": 1,
  "dvars_nstd": 26.73590186777778,
  "dvars_std": 1.3650453893827166,
  "dvars_vstd": 0.9868861471193412,
  "efc": 0.4636356654032452,
  "fber": 114094.2890625,
  "fd_mean": 0.10900240360501212,
  "fd_num": 7,
  "fd_perc": 2.8688524590163933,
  "fwhm_avg": 1.8528776850948416,
  "fwhm_x": 1.75553,
  "fwhm_y": 2.0742333333333334,
  "fwhm_z": 1.7288697219511915,
  "gcor": 0.0181327,
  "gsr_x": -0.01548207551240921,
  "gsr_y": 0.02153288573026657,
  "provenance": {
    "md5sum": "8b99a6d26a94e0bdbd69374922b9242c",
    "settings": {
      "fd_thres": 0.2,
      "testing": false
    },
    "software": "mriqc",
    "version": "22.0.0rc1",
    "webapi_port": null,
    "webapi_url": "https://mriqc.nimh.nih.gov/api/v1"
  },
  "size_t": 244,
  "size_x": 80,
  "size_y": 80,
  "size_z": 37,
  "snr": 5.037449308069387,
  "spacing_tr": 2.0,
  "spacing_x": 3.0,
  "spacing_y": 3.0,
  "spacing_z": 3.299999952316284,
  "summary_bg_k": 35.64800244030626,
  "summary_bg_mad": 78.59453396460874,
  "summary_bg_mean": 889.0289306640625,
  "summary_bg_median": 72.18678283691406,
  "summary_bg_n": 153781.0,
  "summary_bg_p05": 7.264746189117432,
  "summary_bg_p95": 5092.87939453125,
  "summary_bg_stdv": 2372.10595703125,
  "summary_fg_k": 2.094869265287194,
  "summary_fg_mad": 4462.797733026969,
  "summary_fg_mean": 25724.25,
  "summary_fg_median": 25141.203125,
  "summary_fg_n": 39983.0,
  "summary_fg_p05": 18666.816796875,
  "summary_fg_p95": 34065.166796875004,
  "summary_fg_stdv": 4990.79736328125,
  "tsnr": 74.22350311279297
}