{
  "aor": 0.00026033472803347284,
  "aqi": 0.008848730523012553,
  "bids_meta": {
    "AcquisitionNumber": 6,
    "BidsifyVersion": "0.3.5",
    "ConversionSoftware": "dcm2niix",
    "ConversionSoftwareVersion": "v1.0.20181125  GCC6.3.0",
    "EchoTime": 0.02762,
    "EffectiveEchoSpacing": 0.0006333282667071997,
    "ImageComments": "Piop",
    "ImageOrientationPatientDICOM": [
      0.998208,
      0.0304763,
      0.0515076,
      -0.0252673,
      0.994775,
      -0.098918
    ],
    "Manufacturer": "Philips",
    "NumberOfVolumesDiscardedByScanner": 2,
    "ParallelAcquisitionTechnique": "SENSE",
    "ParallelReductionFactorInPlane": 2,
    "PatientPosition": "HFS",
    "PhaseEncodingDirection": "j",
    "PhilipsRescaleIntercept": 0,
    "PhilipsRescaleSlope": 0.74725,
    "PhilipsScaleSlope": 0.0825446,
    "ProtocolName": "WIPpioprsSENSE",
    "PulseSequenceType": "gradient echo EPI",
    "ReconMatrixPE": 80,
    "RepetitionTime": 0.75,
    "SeriesDescription": "ImageMRSERIES",
    "SeriesNumber": 6,
    "SliceEncodingDirection": "k",
    "SliceTiming": [
      0.0,
      0.06755050505050506,
      0.1351010101010101,
      0.20265151515151517,
      0.2702020202020202,
      0.3377525252525253,
      0.40530303030303033,
      0.47285353535353536,
      0.5404040404040404,
      0.6079545454545455,
      0.6755050505050506,
      0.7430555555555556,
      0.0,
      0.06755050505050506,
      0.1351010101010101,
      0.20265151515151517,
      0.2702020202020202,
      0.3377525252525253,
      0.40530303030303033,
      0.47285353535353536,
      0.5404040404040404,
      0.6079545454545455,
      0.6755050505050506,
      0.7430555555555556,
      0.0,
      0.06755050505050506,
      0.1351010101010101,
      0.20265151515151517,
      0.2702020202020202,
      0.3377525252525253,
      0.40530303030303033,
      0.47285353535353536,
      0.5404040404040404,
      0.6079545454545455,
      0.6755050505050506,
      0.7430555555555556
    ],
    "TaskName": "restingstate",
    "TotalReadoutTime": 0.024699802401580786,
    "UsePhilipsFloatNotDisplayScaling": 1,
    "acq_id": "mb3",
    "dataset": "ds002785",
    "modality": "bold",
    "subject_id": "0092",
    "task_id": "restingstate"
  },
  "dummy_trs": 2,
  "dvars_nstd": 29.96842680628929,
  "dvars_std": 1.1348088402515712,
  "dvars_vstd": 0.9995171384696023,
  "efc": 0.4748567116123255,
  "fber": 113993.09375,
  "fd_mean": 0.07778062855634646,
  "fd_num": 1,
  "fd_perc": 0.20920502092050208,
  "fwhm_avg": 1.9265061701694413,
  "fwhm_x": 1.8914133333333334,
  "fwhm_y": 2.1122900000000002,
  "fwhm_z": 1.77581517717499,
  "gcor": 0.0127853,
  "gsr_x": -0.019735222682356834,
  "gsr_y": 0.021102603524923325,
  "provenance": {
    "md5sum": "5b57436bba98db35291f75c9e15a6a25",
    "settings": {
      "fd_thres": 0.2,
      "testing": false
    },
    "software": "mriqc",
    "version": "22.0.0rc1",
    "webapi_port": null,
    "webapi_url": "https://mriqc.nimh.nih.gov/api/v1"
  },
  "size_t": 478,
  "size_x": 80,
  "size_y": 80,
  "size_z": 36,
  "snr": 5.865710134126583,
  "spacing_tr": 0.75,
  "spacing_x": 3.0,
  "spacing_y": 3.0,
  "spacing_z": 3.299999952316284,
  "summary_bg_k": 23.286978782261787,
  "summary_bg_mad": 61.87978800397964,
  "summary_bg_mean": 716.48974609375,
  "summary_bg_median": 53.4394416809082,
  "summary_bg_n": 148739.0,
  "summary_bg_p05": 4.69991192817688,
  "summary_bg_p95": 4153.438867187506,
  "summary_bg_stdv": 1748.010009765625,
  "summary_fg_k": 0.5132891143946119,
  "summary_fg_mad": 3078.357101640745,
  "summary_fg_mean": 18739.7890625,
  "summary_fg_median": 18701.78125,
  "summary_fg_n": 39358.0,
  "summary_fg_p05": 13577.260009765625,
  "summary_fg_p95": 23940.8943359375,
  "summary_fg_stdv": 3188.282958984375,
  "tsnr": 50.56774139404297
}