{
  "aor": 0.0011837777777777777,
  "aqi": 0.0035175266666666667,
  "bids_meta": {
    "AcquisitionNumber": 5,
    "BidsifyVersion": "0.3.5",
    "ConversionSoftware": "dcm2niix",
    "ConversionSoftwareVersion": "v1.0.20181125  GCC6.3.0",
    "EchoTime": 0.02762,
    "EffectiveEchoSpacing": 0.0006621159151938905,
    "ImageComments": "Piop",
    "ImageOrientationPatientDICOM": [
      0.999824,
      0.0161259,
      -0.00956224,
      -0.0171029,
      0.993461,
      -0.112883
    ],
    "Manufacturer": "Philips",
    "NumberOfVolumesDiscardedByScanner": 2,
    "ParallelAcquisitionTechnique": "SENSE",
    "ParallelReductionFactorInPlane": 2,
    "PatientPosition": "HFS",
    "PhaseEncodingDirection": "j",
    "PhilipsRescaleIntercept": 0,
    "PhilipsRescaleSlope": 0.8381,
    "PhilipsScaleSlope": 0.0452303,
    "ProtocolName": "WIPpiopharririSENSE",
    "PulseSequenceType": "gradient echo EPI",
    "ReconMatrixPE": 80,
    "RepetitionTime": 2,
    "SeriesDescription": "ImageMRSERIES",
    "SeriesNumber": 5,
    "SliceEncodingDirection": "k",
    "SliceTiming": [
      0.0,
      0.0541,
      0.1081,
      0.1622,
      0.2162,
      0.2703,
      0.3243,
      0.3784,
      0.4324,
      0.4865,
      0.5405,
      0.5946,
      0.6486,
      0.7027,
      0.7568,
      0.8108,
      0.8649,
      0.9189,
      0.973,
      1.027,
      1.0811,
      1.1351,
      1.1892,
      1.2432,
      1.2973,
      1.3514,
      1.4054,
      1.4595,
      1.5135,
      1.5676,
      1.6216,
      1.6757,
      1.7297,
      1.7838,
      1.8378,
      1.8919,
      1.9459
    ],
    "TaskName": "emomatching",
    "TotalReadoutTime": 0.025822520692561732,
    "UsePhilipsFloatNotDisplayScaling": 1,
    "acq_id": "seq",
    "dataset": "ds002785",
    "modality": "bold",
    "subject_id": "0014",
    "task_id": "emomatching"
  },
  "dummy_trs": 0,
  "dvars_nstd": 24.840830802686583,
  "dvars_std": 1.3787232652238806,
  "dvars_vstd": 0.9900276643283578,
  "efc": 0.423276241135423,
  "fber": 220056.765625,
  "fd_mean": 0.1147904508357186,
  "fd_num": 2,
  "fd_perc": 1.4814814814814814,
  "fwhm_avg": 1.9064611198926213,
  "fwhm_x": 1.8860366666666666,
  "fwhm_y": 2.0101466666666665,
  "fwhm_z": 1.823200026344531,
  "gcor": 0.00990383,
  "gsr_x": -0.015847139060497284,
  "gsr_y": 0.015438864007592201,
  "provenance": {
    "md5sum": "ffe27afbcc5765bd3d00f4f6b19e7a20",
    "settings": {
      "fd_thres": 0.2,
      "testing": false
    },
    "software": "mriqc",
    "version": "22.0.0rc1",
    "webapi_port": null,
    "webapi_url": "https://mriqc.nimh.nih.gov/api/v1"
  },
  "size_t": 135,
  "size_x": 80,
  "size_y": 80,
  "size_z": 37,
  "snr": 4.550622657022352,
  "spacing_tr": 2.0,
  "spacing_x": 3.0,
  "spacing_y": 3.0,
  "spacing_z": 3.299999952316284,
  "summary_bg_k": 61.739116919076636,
  "summary_bg_mad": 62.75248396001953,
  "summary_bg_mean": 634.3331298828125,
  "summary_bg_median": 55.03982162475586,
  "summary_bg_n": 159736.0,
  "summary_bg_p05": 2.9142661094665527,
  "summary_bg_p95": 3224.8388671875,
  "summary_bg_stdv": 1922.3385009765625,
  "summary_fg_k": 1.596940362168242,
  "summary_fg_mad": 5249.908934265626,
  "summary_fg_mean": 27351.64453125,
  "summary_fg_median": 26449.333984375,
  "summary_fg_n": 35459.0,
  "summary_fg_p05": 19608.5619140625,
  "summary_fg_p95": 37782.878515624994,
  "summary_fg_stdv": 5812.1630859375,
  "tsnr": 81.19793701171875
}