{
  "aor": 0.0014932716049382714,
  "aqi": 0.004213676790123457,
  "bids_meta": {
    "AcquisitionNumber": 9,
    "BidsifyVersion": "0.3.5",
    "ConversionSoftware": "dcm2niix",
    "ConversionSoftwareVersion": "v1.0.20181125  GCC6.3.0",
    "EchoTime": 0.02762,
    "EffectiveEchoSpacing": 0.0006621159151938905,
    "ImageComments": "Piop",
    "ImageOrientationPatientDICOM": [
      0.999824,
      0.0161259,
      -0.00956224,
      -0.0171029,
      0.993461,
      -0.112883
    ],
    "Manufacturer": "Philips",
    "NumberOfVolumesDiscardedByScanner": 2,
    "ParallelAcquisitionTechnique": "SENSE",
    "ParallelReductionFactorInPlane": 2,
    "PatientPosition": "HFS",
    "PhaseEncodingDirection": "j",
    "PhilipsRescaleIntercept": 0,
    "PhilipsRescaleSlope": 0.83907,
    "PhilipsScaleSlope": 0.0461651,
    "ProtocolName": "WIPpiopwmSENSE",
    "PulseSequenceType": "gradient echo EPI",
    "ReconMatrixPE": 80,
    "RepetitionTime": 2,
    "SeriesDescription": "ImageMRSERIES",
    "SeriesNumber": 9,
    "SliceEncodingDirection": "k",
    "SliceTiming": [
      0.0,
      0.0541,
      0.1081,
      0.1622,
      0.2162,
      0.2703,
      0.3243,
      0.3784,
      0.4324,
      0.4865,
      0.5405,
      0.5946,
      0.6486,
      0.7027,
      0.7568,
      0.8108,
      0.8649,
      0.9189,
      0.973,
      1.027,
      1.0811,
      1.1351,
      1.1892,
      1.2432,
      1.2973,
      1.3514,
      1.4054,
      1.4595,
      1.5135,
      1.5676,
      1.6216,
      1.6757,
      1.7297,
      1.7838,
      1.8378,
      1.8919,
      1.9459
    ],
    "TaskName": "workingmemory",
    "TotalReadoutTime": 0.025822520692561732,
    "UsePhilipsFloatNotDisplayScaling": 1,
    "acq_id": "seq",
    "dataset": "ds002785",
    "modality": "bold",
    "subject_id": "0014",
    "task_id": "workingmemory"
  },
  "dummy_trs": 0,
  "dvars_nstd": 24.662795143602477,
  "dvars_std": 1.3757424121118007,
  "dvars_vstd": 1.0040774823602485,
  "efc": 0.42397449574007245,
  "fber": 226482.765625,
  "fd_mean": 0.12499279336717933,
  "fd_num": 10,
  "fd_perc": 6.172839506172839,
  "fwhm_avg": 1.8942862713100557,
  "fwhm_x": 1.8794233333333334,
  "fwhm_y": 2.000523333333333,
  "fwhm_z": 1.8029121472635001,
  "gcor": 0.0133745,
  "gsr_x": -0.015438306145370007,
  "gsr_y": 0.015264997258782387,
  "provenance": {
    "md5sum": "88c3fc813064be59d2ab0bde0bd4d088",
    "settings": {
      "fd_thres": 0.2,
      "testing": false
    },
    "software": "mriqc",
    "version": "22.0.0rc1",
    "webapi_port": null,
    "webapi_url": "https://mriqc.nimh.nih.gov/api/v1"
  },
  "size_t": 162,
  "size_x": 80,
  "size_y": 80,
  "size_z": 37,
  "snr": 4.697591926084588,
  "spacing_tr": 2.0,
  "spacing_x": 3.0,
  "spacing_y": 3.0,
  "spacing_z": 3.299999952316284,
  "summary_bg_k": 61.51040612211115,
  "summary_bg_mad": 60.39778316652922,
  "summary_bg_mean": 636.1617431640625,
  "summary_bg_median": 54.14055252075195,
  "summary_bg_n": 159706.0,
  "summary_bg_p05": 3.182367503643036,
  "summary_bg_p95": 3246.3452758789062,
  "summary_bg_stdv": 1916.8946533203125,
  "summary_fg_k": 1.4759269288507877,
  "summary_fg_mad": 5131.3036524926365,
  "summary_fg_mean": 27251.654296875,
  "summary_fg_median": 26428.3203125,
  "summary_fg_n": 35492.0,
  "summary_fg_p05": 19752.3125,
  "summary_fg_p95": 37395.002343749984,
  "summary_fg_stdv": 5625.85009765625,
  "tsnr": 75.216064453125
}