{
  "aor": 0.0004598109243697479,
  "aqi": 0.006043734117647059,
  "bids_meta": {
    "AcquisitionNumber": 7,
    "BidsifyVersion": "0.3.5",
    "ConversionSoftware": "dcm2niix",
    "ConversionSoftwareVersion": "v1.0.20181125  GCC6.3.0",
    "EchoTime": 0.02762,
    "EffectiveEchoSpacing": 0.0006333282667071997,
    "ImageComments": "Piop",
    "ImageOrientationPatientDICOM": [
      0.999827,
      0.0157962,
      -0.00978516,
      -0.0164047,
      0.997711,
      -0.0655997
    ],
    "Manufacturer": "Philips",
    "NumberOfVolumesDiscardedByScanner": 2,
    "ParallelAcquisitionTechnique": "SENSE",
    "ParallelReductionFactorInPlane": 2,
    "PatientPosition": "HFS",
    "PhaseEncodingDirection": "j",
    "PhilipsRescaleIntercept": 0,
    "PhilipsRescaleSlope": 0.76947,
    "PhilipsScaleSlope": 0.0850781,
    "ProtocolName": "WIPpioprsSENSE",
    "PulseSequenceType": "gradient echo EPI",
    "ReconMatrixPE": 80,
    "RepetitionTime": 0.75,
    "SeriesDescription": "ImageMRSERIES",
    "SeriesNumber": 7,
    "SliceEncodingDirection": "k",
    "SliceTiming": [
      0.0,
      0.06755050505050506,
      0.1351010101010101,
      0.20265151515151517,
      0.2702020202020202,
      0.3377525252525253,
      0.40530303030303033,
      0.47285353535353536,
      0.5404040404040404,
      0.6079545454545455,
      0.6755050505050506,
      0.7430555555555556,
      0.0,
      0.06755050505050506,
      0.1351010101010101,
      0.20265151515151517,
      0.2702020202020202,
      0.3377525252525253,
      0.40530303030303033,
      0.47285353535353536,
      0.5404040404040404,
      0.6079545454545455,
      0.6755050505050506,
      0.7430555555555556,
      0.0,
      0.06755050505050506,
      0.1351010101010101,
      0.20265151515151517,
      0.2702020202020202,
      0.3377525252525253,
      0.40530303030303033,
      0.47285353535353536,
      0.5404040404040404,
      0.6079545454545455,
      0.6755050505050506,
      0.7430555555555556
    ],
    "TaskName": "restingstate",
    "TotalReadoutTime": 0.024699802401580786,
    "UsePhilipsFloatNotDisplayScaling": 1,
    "acq_id": "mb3",
    "dataset": "ds002785",
    "modality": "bold",
    "subject_id": "0014",
    "task_id": "restingstate"
  },
  "dummy_trs": 4,
  "dvars_nstd": 23.780240803663148,
  "dvars_std": 1.104472360989474,
  "dvars_vstd": 0.9970325106315793,
  "efc": 0.4321007163143875,
  "fber": 186237.5625,
  "fd_mean": 0.08465135658721834,
  "fd_num": 9,
  "fd_perc": 1.8907563025210083,
  "fwhm_avg": 1.9152231399859776,
  "fwhm_x": 1.90541,
  "fwhm_y": 2.0396199999999998,
  "fwhm_z": 1.8006394199579328,
  "gcor": 0.0175491,
  "gsr_x": -0.016605304554104805,
  "gsr_y": 0.013394406996667385,
  "provenance": {
    "md5sum": "a1b8b775d5cc64f6b9fc3a402bc15269",
    "settings": {
      "fd_thres": 0.2,
      "testing": false
    },
    "software": "mriqc",
    "version": "22.0.0rc1",
    "webapi_port": null,
    "webapi_url": "https://mriqc.nimh.nih.gov/api/v1"
  },
  "size_t": 476,
  "size_x": 80,
  "size_y": 80,
  "size_z": 36,
  "snr": 5.6176744154835205,
  "spacing_tr": 0.75,
  "spacing_x": 3.0,
  "spacing_y": 3.0,
  "spacing_z": 3.299999952316284,
  "summary_bg_k": 46.76482313186266,
  "summary_bg_mad": 49.493720312066614,
  "summary_bg_mean": 481.57452392578125,
  "summary_bg_median": 43.56350326538086,
  "summary_bg_n": 154542.0,
  "summary_bg_p05": 3.0626049518585203,
  "summary_bg_p95": 2452.921520996082,
  "summary_bg_stdv": 1365.13134765625,
  "summary_fg_k": 0.7508219929140396,
  "summary_fg_mad": 3231.3865536746616,
  "summary_fg_mean": 19461.123046875,
  "summary_fg_median": 19178.609375,
  "summary_fg_n": 34885.0,
  "summary_fg_p05": 14470.6466796875,
  "summary_fg_p95": 25433.302734375,
  "summary_fg_stdv": 3413.927734375,
  "tsnr": 58.755287170410156
}