{
  "aor": 0.0014974285714285716,
  "aqi": 0.004309699918367348,
  "bids_meta": {
    "AcquisitionNumber": 3,
    "BidsifyVersion": "0.3.5",
    "ConversionSoftware": "dcm2niix",
    "ConversionSoftwareVersion": "v1.0.20181125  GCC6.3.0",
    "EchoTime": 0.02762,
    "EffectiveEchoSpacing": 0.0006621159151938905,
    "ImageComments": "Piop",
    "ImageOrientationPatientDICOM": [
      0.999824,
      0.0161259,
      -0.00956224,
      -0.0171029,
      0.993461,
      -0.112883
    ],
    "Manufacturer": "Philips",
    "NumberOfVolumesDiscardedByScanner": 2,
    "ParallelAcquisitionTechnique": "SENSE",
    "ParallelReductionFactorInPlane": 2,
    "PatientPosition": "HFS",
    "PhaseEncodingDirection": "j",
    "PhilipsRescaleIntercept": 0,
    "PhilipsRescaleSlope": 0.83712,
    "PhilipsScaleSlope": 0.0447452,
    "ProtocolName": "WIPpiopgstroopSENSE",
    "PulseSequenceType": "gradient echo EPI",
    "ReconMatrixPE": 80,
    "RepetitionTime": 2,
    "SeriesDescription": "ImageMRSERIES",
    "SeriesNumber": 3,
    "SliceEncodingDirection": "k",
    "SliceTiming": [
      0.0,
      0.0541,
      0.1081,
      0.1622,
      0.2162,
      0.2703,
      0.3243,
      0.3784,
      0.4324,
      0.4865,
      0.5405,
      0.5946,
      0.6486,
      0.7027,
      0.7568,
      0.8108,
      0.8649,
      0.9189,
      0.973,
      1.027,
      1.0811,
      1.1351,
      1.1892,
      1.2432,
      1.2973,
      1.3514,
      1.4054,
      1.4595,
      1.5135,
      1.5676,
      1.6216,
      1.6757,
      1.7297,
      1.7838,
      1.8378,
      1.8919,
      1.9459
    ],
    "TaskName": "gstroop",
    "TotalReadoutTime": 0.025822520692561732,
    "UsePhilipsFloatNotDisplayScaling": 1,
    "acq_id": "seq",
    "dataset": "ds002785",
    "modality": "bold",
    "subject_id": "0014",
    "task_id": "gstroop"
  },
  "dummy_trs": 0,
  "dvars_nstd": 24.40217481696722,
  "dvars_std": 1.3338332888524602,
  "dvars_vstd": 0.9813001117622948,
  "efc": 0.42280648115725006,
  "fber": 224750.125,
  "fd_mean": 0.11352365043809541,
  "fd_num": 7,
  "fd_perc": 2.857142857142857,
  "fwhm_avg": 1.8625212205955732,
  "fwhm_x": 1.85064,
  "fwhm_y": 1.9774933333333333,
  "fwhm_z": 1.7594303284533865,
  "gcor": 0.00724276,
  "gsr_x": -0.015383702702820301,
  "gsr_y": 0.014733449555933475,
  "provenance": {
    "md5sum": "42183111cff1c8ed920ae6bdeb16db15",
    "settings": {
      "fd_thres": 0.2,
      "testing": false
    },
    "software": "mriqc",
    "version": "22.0.0rc1",
    "webapi_port": null,
    "webapi_url": "https://mriqc.nimh.nih.gov/api/v1"
  },
  "size_t": 245,
  "size_x": 80,
  "size_y": 80,
  "size_z": 37,
  "snr": 4.718465912624146,
  "spacing_tr": 2.0,
  "spacing_x": 3.0,
  "spacing_y": 3.0,
  "spacing_z": 3.299999952316284,
  "summary_bg_k": 66.49729938384571,
  "summary_bg_mad": 61.36058680840509,
  "summary_bg_mean": 631.1846313476562,
  "summary_bg_median": 54.66572570800781,
  "summary_bg_n": 159833.0,
  "summary_bg_p05": 3.444514036178589,
  "summary_bg_p95": 3161.0083984374996,
  "summary_bg_stdv": 1945.8074951171875,
  "summary_fg_k": 1.6832349791117798,
  "summary_fg_mad": 5107.648618268081,
  "summary_fg_mean": 27453.34765625,
  "summary_fg_median": 26604.517578125,
  "summary_fg_n": 35377.0,
  "summary_fg_p05": 20030.958203125,
  "summary_fg_p95": 37621.27343749999,
  "summary_fg_stdv": 5638.30322265625,
  "tsnr": 72.86312103271484
}