{
  "bids_meta": {
    "AcquisitionNumber": 4,
    "BidsifyVersion": "0.3.5",
    "ConversionSoftware": "dcm2niix",
    "ConversionSoftwareVersion": "v1.0.20181125  GCC6.3.0",
    "EchoTime": 0.00374,
    "ImageComments": "Piop",
    "ImageOrientationPatientDICOM": [
      0.999666,
      -0.0125564,
      0.0225841,
      0.0109923,
      0.997618,
      0.0680936
    ],
    "Manufacturer": "Philips",
    "PatientPosition": "HFS",
    "PhilipsRescaleIntercept": 0,
    "PhilipsRescaleSlope": 9.05739,
    "PhilipsScaleSlope": 0.0072271,
    "ProtocolName": "WIPt13dSENSE",
    "ReconMatrixPE": 240,
    "RepetitionTime": 0.008172,
    "SeriesDescription": "ImageMRSERIES",
    "SeriesNumber": 4,
    "UsePhilipsFloatNotDisplayScaling": 1,
    "dataset": "ds002785",
    "modality": "T1w",
    "subject_id": "0122"
  },
  "cjv": 0.30381336998064123,
  "cnr": 4.260204800294524,
  "efc": 0.7562828932221596,
  "fber": 401.0806579589844,
  "fwhm_avg": 3.6530166666666664,
  "fwhm_x": 3.59697,
  "fwhm_y": 3.86889,
  "fwhm_z": 3.49319,
  "icvs_csf": 0.19395479513852648,
  "icvs_gm": 0.43488648772902017,
  "icvs_wm": 0.37115871713245335,
  "inu_med": 1.7530080080032349,
  "inu_range": 0.44467158317565914,
  "provenance": {
    "md5sum": "bd115017f144564b6382a6ebee7d5c53",
    "settings": {
      "testing": false
    },
    "software": "mriqc",
    "version": "22.0.0rc1",
    "warnings": {
      "large_rot_frame": true,
      "small_air_mask": true
    },
    "webapi_port": null,
    "webapi_url": "https://mriqc.nimh.nih.gov/api/v1"
  },
  "qi_1": 0.0,
  "qi_2": 0.0001919089922530133,
  "rpve_csf": 28.84695198655734,
  "rpve_gm": 14.331909934771414,
  "rpve_wm": 21.009501975757374,
  "size_x": 240,
  "size_y": 240,
  "size_z": 220,
  "snr_csf": 2.5914371965974716,
  "snr_gm": 7.5510427738672785,
  "snr_total": 9.772846520344801,
  "snr_wm": 19.176059590569658,
  "snrd_csf": 21.87725021207882,
  "snrd_gm": 44.0876077889141,
  "snrd_total": 46.68247980976739,
  "snrd_wm": 74.08258142830925,
  "spacing_x": 1.0,
  "spacing_y": 1.0,
  "spacing_z": 1.0,
  "summary_bg_k": 87.0161109348233,
  "summary_bg_mad": 8.843018327623756,
  "summary_bg_mean": 11.69018840789795,
  "summary_bg_median": 11.932092666625977,
  "summary_bg_n": 131726.0,
  "summary_bg_p05": 0.0,
  "summary_bg_p95": 30.199828147888184,
  "summary_bg_stdv": 10.09409236907959,
  "summary_csf_k": 3.9406583037233665,
  "summary_csf_mad": 105.84792584868529,
  "summary_csf_mean": 270.3202819824219,
  "summary_csf_median": 295.2987060546875,
  "summary_csf_n": 6840.0,
  "summary_csf_p05": 79.70958518981934,
  "summary_csf_p95": 415.11767425537107,
  "summary_csf_stdv": 113.9433822631836,
  "summary_gm_k": 0.1968241680662821,
  "summary_gm_mad": 76.50441005913935,
  "summary_gm_mean": 595.8467407226562,
  "summary_gm_median": 595.0936889648438,
  "summary_gm_n": 21699.0,
  "summary_gm_p05": 466.629150390625,
  "summary_gm_p95": 726.6367065429687,
  "summary_gm_stdv": 78.80765533447266,
  "summary_wm_k": 1.1571997506682807,
  "summary_wm_mad": 46.50098968716835,
  "summary_wm_mean": 997.642822265625,
  "summary_wm_median": 999.9652709960938,
  "summary_wm_n": 200322.0,
  "summary_wm_p05": 908.7684295654296,
  "summary_wm_p95": 1077.999267578125,
  "summary_wm_stdv": 52.14641571044922,
  "tpm_overlap_csf": 0.17249132692813873,
  "tpm_overlap_gm": 0.44760575890541077,
  "tpm_overlap_wm": 0.5104429721832275,
  "wm2max": 0.7024564259013257
}