{
  "aor": 0.0019607407407407408,
  "aqi": 0.003587195777777778,
  "bids_meta": {
    "AcquisitionNumber": 5,
    "BidsifyVersion": "0.3.5",
    "ConversionSoftware": "dcm2niix",
    "ConversionSoftwareVersion": "v1.0.20181125  GCC6.3.0",
    "EchoTime": 0.02762,
    "EffectiveEchoSpacing": 0.0006621159151938905,
    "ImageComments": "piop",
    "ImageOrientationPatientDICOM": [
      0.99322,
      0.0828322,
      -0.0815633,
      -0.0849744,
      0.996114,
      -0.0231467
    ],
    "Manufacturer": "Philips",
    "NumberOfVolumesDiscardedByScanner": 2,
    "ParallelAcquisitionTechnique": "SENSE",
    "ParallelReductionFactorInPlane": 2,
    "PatientPosition": "HFS",
    "PhaseEncodingDirection": "j",
    "PhilipsRescaleIntercept": 0,
    "PhilipsRescaleSlope": 0.80147,
    "PhilipsScaleSlope": 0.0559477,
    "ProtocolName": "WIPpiopharririSENSE",
    "PulseSequenceType": "gradient echo EPI",
    "ReconMatrixPE": 80,
    "RepetitionTime": 2,
    "SeriesDescription": "ImageMRSERIES",
    "SeriesNumber": 5,
    "SliceEncodingDirection": "k",
    "SliceTiming": [
      0.0,
      0.0541,
      0.1081,
      0.1622,
      0.2162,
      0.2703,
      0.3243,
      0.3784,
      0.4324,
      0.4865,
      0.5405,
      0.5946,
      0.6486,
      0.7027,
      0.7568,
      0.8108,
      0.8649,
      0.9189,
      0.973,
      1.027,
      1.0811,
      1.1351,
      1.1892,
      1.2432,
      1.2973,
      1.3514,
      1.4054,
      1.4595,
      1.5135,
      1.5676,
      1.6216,
      1.6757,
      1.7297,
      1.7838,
      1.8378,
      1.8919,
      1.9459
    ],
    "TaskName": "emomatching",
    "TotalReadoutTime": 0.025822520692561732,
    "UsePhilipsFloatNotDisplayScaling": 1,
    "acq_id": "seq",
    "dataset": "ds002785",
    "modality": "bold",
    "subject_id": "0075",
    "task_id": "emomatching"
  },
  "dummy_trs": 0,
  "dvars_nstd": 21.54763871552239,
  "dvars_std": 1.270619095820895,
  "dvars_vstd": 1.0222203846268652,
  "efc": 0.4620414329339524,
  "fber": 104926.03125,
  "fd_mean": 0.104408327794275,
  "fd_num": 3,
  "fd_perc": 2.2222222222222223,
  "fwhm_avg": 1.9002951603952987,
  "fwhm_x": 1.8278333333333334,
  "fwhm_y": 2.0293733333333335,
  "fwhm_z": 1.843678814519229,
  "gcor": 0.0240401,
  "gsr_x": -0.018847471103072166,
  "gsr_y": 0.02574552223086357,
  "provenance": {
    "md5sum": "2c317ba1b0609d5b290d2a7ace76ca39",
    "settings": {
      "fd_thres": 0.2,
      "testing": false
    },
    "software": "mriqc",
    "version": "22.0.0rc1",
    "webapi_port": null,
    "webapi_url": "https://mriqc.nimh.nih.gov/api/v1"
  },
  "size_t": 135,
  "size_x": 80,
  "size_y": 80,
  "size_z": 37,
  "snr": 4.883009930633601,
  "spacing_tr": 2.0,
  "spacing_x": 3.0,
  "spacing_y": 3.0,
  "spacing_z": 3.299999952316284,
  "summary_bg_k": 50.05659248061474,
  "summary_bg_mad": 89.56772476503326,
  "summary_bg_mean": 813.2384643554688,
  "summary_bg_median": 76.25752258300781,
  "summary_bg_n": 154310.0,
  "summary_bg_p05": 6.281718516349793,
  "summary_bg_p95": 4347.233007812496,
  "summary_bg_stdv": 2088.634765625,
  "summary_fg_k": 1.881929703098142,
  "summary_fg_mad": 4788.317239066419,
  "summary_fg_mean": 25777.689453125,
  "summary_fg_median": 25212.544921875,
  "summary_fg_n": 40912.0,
  "summary_fg_p05": 18575.1888671875,
  "summary_fg_p95": 34425.00429687499,
  "summary_fg_stdv": 5163.25732421875,
  "tsnr": 85.02934265136719
}