{
  "aor": 0.000348580375782881,
  "aqi": 0.012149069540709812,
  "bids_meta": {
    "AcquisitionNumber": 6,
    "BidsifyVersion": "0.3.5",
    "ConversionSoftware": "dcm2niix",
    "ConversionSoftwareVersion": "v1.0.20181125  GCC6.3.0",
    "EchoTime": 0.02762,
    "EffectiveEchoSpacing": 0.0006333282667071997,
    "ImageComments": "piop",
    "ImageOrientationPatientDICOM": [
      0.99322,
      0.0828322,
      -0.0815633,
      -0.0849744,
      0.996114,
      -0.0231467
    ],
    "Manufacturer": "Philips",
    "NumberOfVolumesDiscardedByScanner": 2,
    "ParallelAcquisitionTechnique": "SENSE",
    "ParallelReductionFactorInPlane": 2,
    "PatientPosition": "HFS",
    "PhaseEncodingDirection": "j",
    "PhilipsRescaleIntercept": 0,
    "PhilipsRescaleSlope": 0.75385,
    "PhilipsScaleSlope": 0.0953726,
    "ProtocolName": "WIPpioprsSENSE",
    "PulseSequenceType": "gradient echo EPI",
    "ReconMatrixPE": 80,
    "RepetitionTime": 0.75,
    "SeriesDescription": "ImageMRSERIES",
    "SeriesNumber": 6,
    "SliceEncodingDirection": "k",
    "SliceTiming": [
      0.0,
      0.06755050505050506,
      0.1351010101010101,
      0.20265151515151517,
      0.2702020202020202,
      0.3377525252525253,
      0.40530303030303033,
      0.47285353535353536,
      0.5404040404040404,
      0.6079545454545455,
      0.6755050505050506,
      0.7430555555555556,
      0.0,
      0.06755050505050506,
      0.1351010101010101,
      0.20265151515151517,
      0.2702020202020202,
      0.3377525252525253,
      0.40530303030303033,
      0.47285353535353536,
      0.5404040404040404,
      0.6079545454545455,
      0.6755050505050506,
      0.7430555555555556,
      0.0,
      0.06755050505050506,
      0.1351010101010101,
      0.20265151515151517,
      0.2702020202020202,
      0.3377525252525253,
      0.40530303030303033,
      0.47285353535353536,
      0.5404040404040404,
      0.6079545454545455,
      0.6755050505050506,
      0.7430555555555556
    ],
    "TaskName": "restingstate",
    "TotalReadoutTime": 0.024699802401580786,
    "UsePhilipsFloatNotDisplayScaling": 1,
    "acq_id": "mb3",
    "dataset": "ds002785",
    "modality": "bold",
    "subject_id": "0075",
    "task_id": "restingstate"
  },
  "dummy_trs": 1,
  "dvars_nstd": 35.7527967117573,
  "dvars_std": 1.2474059885564857,
  "dvars_vstd": 0.9992798866317987,
  "efc": 0.47265884918907064,
  "fber": 95723.4296875,
  "fd_mean": 0.10561075069779009,
  "fd_num": 14,
  "fd_perc": 2.922755741127349,
  "fwhm_avg": 1.7855435436711842,
  "fwhm_x": 1.7069066666666668,
  "fwhm_y": 1.92283,
  "fwhm_z": 1.7268939643468852,
  "gcor": 0.0199488,
  "gsr_x": -0.020079355686903,
  "gsr_y": 0.026357775554060936,
  "provenance": {
    "md5sum": "5ff7f4bf250fb288669bef32843538eb",
    "settings": {
      "fd_thres": 0.2,
      "testing": false
    },
    "software": "mriqc",
    "version": "22.0.0rc1",
    "webapi_port": null,
    "webapi_url": "https://mriqc.nimh.nih.gov/api/v1"
  },
  "size_t": 479,
  "size_x": 80,
  "size_y": 80,
  "size_z": 36,
  "snr": 6.330372566025235,
  "spacing_tr": 0.75,
  "spacing_x": 3.0,
  "spacing_y": 3.0,
  "spacing_z": 3.299999952316284,
  "summary_bg_k": 36.310532082842776,
  "summary_bg_mad": 70.40216894309275,
  "summary_bg_mean": 608.2901000976562,
  "summary_bg_median": 56.557769775390625,
  "summary_bg_n": 149117.0,
  "summary_bg_p05": 3.579937505722046,
  "summary_bg_p95": 3142.789941406244,
  "summary_bg_stdv": 1469.274169921875,
  "summary_fg_k": 1.078825930234994,
  "summary_fg_mad": 2639.1535686532084,
  "summary_fg_mean": 17880.517578125,
  "summary_fg_median": 17756.208984375,
  "summary_fg_n": 40313.0,
  "summary_fg_p05": 13613.619140625,
  "summary_fg_p95": 22576.2703125,
  "summary_fg_stdv": 2804.888427734375,
  "tsnr": 48.31312561035156
}