{
  "aor": 0.002528827160493828,
  "aqi": 0.004839403395061728,
  "bids_meta": {
    "AcquisitionNumber": 8,
    "BidsifyVersion": "0.3.5",
    "ConversionSoftware": "dcm2niix",
    "ConversionSoftwareVersion": "v1.0.20181125  GCC6.3.0",
    "EchoTime": 0.02762,
    "EffectiveEchoSpacing": 0.0006621159151938905,
    "ImageComments": "piop",
    "ImageOrientationPatientDICOM": [
      0.99322,
      0.0828322,
      -0.0815633,
      -0.0849744,
      0.996114,
      -0.0231467
    ],
    "Manufacturer": "Philips",
    "NumberOfVolumesDiscardedByScanner": 2,
    "ParallelAcquisitionTechnique": "SENSE",
    "ParallelReductionFactorInPlane": 2,
    "PatientPosition": "HFS",
    "PhaseEncodingDirection": "j",
    "PhilipsRescaleIntercept": 0,
    "PhilipsRescaleSlope": 0.76386,
    "PhilipsScaleSlope": 0.0562748,
    "ProtocolName": "WIPpiopwmSENSE",
    "PulseSequenceType": "gradient echo EPI",
    "ReconMatrixPE": 80,
    "RepetitionTime": 2,
    "SeriesDescription": "ImageMRSERIES",
    "SeriesNumber": 8,
    "SliceEncodingDirection": "k",
    "SliceTiming": [
      0.0,
      0.0541,
      0.1081,
      0.1622,
      0.2162,
      0.2703,
      0.3243,
      0.3784,
      0.4324,
      0.4865,
      0.5405,
      0.5946,
      0.6486,
      0.7027,
      0.7568,
      0.8108,
      0.8649,
      0.9189,
      0.973,
      1.027,
      1.0811,
      1.1351,
      1.1892,
      1.2432,
      1.2973,
      1.3514,
      1.4054,
      1.4595,
      1.5135,
      1.5676,
      1.6216,
      1.6757,
      1.7297,
      1.7838,
      1.8378,
      1.8919,
      1.9459
    ],
    "TaskName": "workingmemory",
    "TotalReadoutTime": 0.025822520692561732,
    "UsePhilipsFloatNotDisplayScaling": 1,
    "acq_id": "seq",
    "dataset": "ds002785",
    "modality": "bold",
    "subject_id": "0075",
    "task_id": "workingmemory"
  },
  "dummy_trs": 0,
  "dvars_nstd": 22.237534214720498,
  "dvars_std": 1.2436286999378887,
  "dvars_vstd": 1.0022386746583853,
  "efc": 0.464079681221054,
  "fber": 108599.546875,
  "fd_mean": 0.10406411065311219,
  "fd_num": 11,
  "fd_perc": 6.790123456790123,
  "fwhm_avg": 1.9073949583881304,
  "fwhm_x": 1.83965,
  "fwhm_y": 2.03615,
  "fwhm_z": 1.8463848751643914,
  "gcor": 0.0210783,
  "gsr_x": -0.01898197829723358,
  "gsr_y": 0.026238402351737022,
  "provenance": {
    "md5sum": "25793c5830e07deba83e860b7093bbe6",
    "settings": {
      "fd_thres": 0.2,
      "testing": false
    },
    "software": "mriqc",
    "version": "22.0.0rc1",
    "webapi_port": null,
    "webapi_url": "https://mriqc.nimh.nih.gov/api/v1"
  },
  "size_t": 162,
  "size_x": 80,
  "size_y": 80,
  "size_z": 37,
  "snr": 4.900732325617064,
  "spacing_tr": 2.0,
  "spacing_x": 3.0,
  "spacing_y": 3.0,
  "spacing_z": 3.299999952316284,
  "summary_bg_k": 47.43896983365994,
  "summary_bg_mad": 85.08972739003534,
  "summary_bg_mean": 827.5601196289062,
  "summary_bg_median": 74.55928802490234,
  "summary_bg_n": 154132.0,
  "summary_bg_p05": 7.938148379325867,
  "summary_bg_p95": 4439.849731445304,
  "summary_bg_stdv": 2107.75341796875,
  "summary_fg_k": 1.8902979969157059,
  "summary_fg_mad": 4738.949770468385,
  "summary_fg_mean": 25615.693359375,
  "summary_fg_median": 25050.9609375,
  "summary_fg_n": 41025.0,
  "summary_fg_p05": 18477.498046875,
  "summary_fg_p95": 34152.46328125,
  "summary_fg_stdv": 5111.61474609375,
  "tsnr": 73.87004089355469
}