{
  "bids_meta": {
    "AcquisitionNumber": 4,
    "BidsifyVersion": "0.3.5",
    "ConversionSoftware": "dcm2niix",
    "ConversionSoftwareVersion": "v1.0.20181125  GCC6.3.0",
    "EchoTime": 0.00377,
    "ImageComments": "piop",
    "ImageOrientationPatientDICOM": [
      0.998915,
      0.04571,
      0.00887696,
      -0.0448364,
      0.99566,
      -0.0815488
    ],
    "Manufacturer": "Philips",
    "PatientPosition": "HFS",
    "PhilipsRescaleIntercept": 0,
    "PhilipsRescaleSlope": 8.57778,
    "PhilipsScaleSlope": 0.00731352,
    "ProtocolName": "WIPt13dSENSE",
    "ReconMatrixPE": 240,
    "RepetitionTime": 0.008205,
    "SeriesDescription": "ImageMRSERIES",
    "SeriesNumber": 4,
    "UsePhilipsFloatNotDisplayScaling": 1,
    "dataset": "ds002785",
    "modality": "T1w",
    "subject_id": "0118"
  },
  "cjv": 0.31649876451162473,
  "cnr": 3.9360230005455463,
  "efc": 0.7547870672450506,
  "fber": 1983.5635986328125,
  "fwhm_avg": 3.6285497197656174,
  "fwhm_x": 3.592499571740678,
  "fwhm_y": 3.83332,
  "fwhm_z": 3.459829587556173,
  "icvs_csf": 0.17796285655259525,
  "icvs_gm": 0.4411056892358648,
  "icvs_wm": 0.3809314542115399,
  "inu_med": 1.9721953868865967,
  "inu_range": 0.5302113056182858,
  "provenance": {
    "md5sum": "5656a13fb3cdc8f3b91457f8c731b060",
    "settings": {
      "testing": false
    },
    "software": "mriqc",
    "version": "22.0.0rc1",
    "warnings": {
      "large_rot_frame": true,
      "small_air_mask": true
    },
    "webapi_port": null,
    "webapi_url": "https://mriqc.nimh.nih.gov/api/v1"
  },
  "qi_1": 0.0,
  "qi_2": 0.0002056344661074944,
  "rpve_csf": 28.773737854851305,
  "rpve_gm": 13.191612396256028,
  "rpve_wm": 19.152020349455988,
  "size_x": 240,
  "size_y": 240,
  "size_z": 220,
  "snr_csf": 2.205785966673551,
  "snr_gm": 7.271020293310571,
  "snr_total": 9.883903979348347,
  "snr_wm": 20.174905678060917,
  "snrd_csf": 21.961858498838662,
  "snrd_gm": 48.34861185094869,
  "snrd_total": 49.74802861816061,
  "snrd_wm": 78.93361550469446,
  "spacing_x": 1.0000001192092896,
  "spacing_y": 1.0,
  "spacing_z": 1.0000001192092896,
  "summary_bg_k": 718.9000390157554,
  "summary_bg_mad": 8.299682937419844,
  "summary_bg_mean": 11.122574806213379,
  "summary_bg_median": 11.028362274169922,
  "summary_bg_n": 178805.0,
  "summary_bg_p05": 0.0,
  "summary_bg_p95": 28.61689720153808,
  "summary_bg_stdv": 11.748615264892578,
  "summary_csf_k": -1.1852126253773918,
  "summary_csf_mad": 167.00041478977775,
  "summary_csf_mean": 269.5999755859375,
  "summary_csf_median": 278.22674560546875,
  "summary_csf_n": 3900.0,
  "summary_csf_p05": 82.0130615234375,
  "summary_csf_p95": 453.7203155517578,
  "summary_csf_stdv": 126.1187973022461,
  "summary_gm_k": 0.7121090962830827,
  "summary_gm_mad": 78.28608456354345,
  "summary_gm_mean": 617.7540283203125,
  "summary_gm_median": 612.5108642578125,
  "summary_gm_n": 23066.0,
  "summary_gm_p05": 486.74796295166016,
  "summary_gm_p95": 764.5571899414062,
  "summary_gm_stdv": 84.23818969726562,
  "summary_wm_k": 1.1116650866390323,
  "summary_wm_mad": 44.34775971955722,
  "summary_wm_mean": 998.4523315429688,
  "summary_wm_median": 999.9810791015625,
  "summary_wm_n": 226264.0,
  "summary_wm_p05": 914.9376007080078,
  "summary_wm_p95": 1076.192022705078,
  "summary_wm_stdv": 49.56547927856445,
  "tpm_overlap_csf": 0.163828507065773,
  "tpm_overlap_gm": 0.444866806268692,
  "tpm_overlap_wm": 0.5037632584571838,
  "wm2max": 0.6976160411325171
}