{
  "aor": 0.0002953249475890985,
  "aqi": 0.00791370106918239,
  "bids_meta": {
    "AcquisitionNumber": 6,
    "BidsifyVersion": "0.3.5",
    "ConversionSoftware": "dcm2niix",
    "ConversionSoftwareVersion": "v1.0.20181125  GCC6.3.0",
    "EchoTime": 0.02762,
    "EffectiveEchoSpacing": 0.0006333282667071997,
    "ImageComments": "piop",
    "ImageOrientationPatientDICOM": [
      0.998738,
      0.0271689,
      -0.0422305,
      -0.036273,
      0.971902,
      -0.232575
    ],
    "Manufacturer": "Philips",
    "NumberOfVolumesDiscardedByScanner": 2,
    "ParallelAcquisitionTechnique": "SENSE",
    "ParallelReductionFactorInPlane": 2,
    "PatientPosition": "HFS",
    "PhaseEncodingDirection": "j",
    "PhilipsRescaleIntercept": 0,
    "PhilipsRescaleSlope": 0.89304,
    "PhilipsScaleSlope": 0.0864058,
    "ProtocolName": "WIPpioprsSENSE",
    "PulseSequenceType": "gradient echo EPI",
    "ReconMatrixPE": 80,
    "RepetitionTime": 0.75,
    "SeriesDescription": "ImageMRSERIES",
    "SeriesNumber": 6,
    "SliceEncodingDirection": "k",
    "SliceTiming": [
      0.0,
      0.06755050505050506,
      0.1351010101010101,
      0.20265151515151517,
      0.2702020202020202,
      0.3377525252525253,
      0.40530303030303033,
      0.47285353535353536,
      0.5404040404040404,
      0.6079545454545455,
      0.6755050505050506,
      0.7430555555555556,
      0.0,
      0.06755050505050506,
      0.1351010101010101,
      0.20265151515151517,
      0.2702020202020202,
      0.3377525252525253,
      0.40530303030303033,
      0.47285353535353536,
      0.5404040404040404,
      0.6079545454545455,
      0.6755050505050506,
      0.7430555555555556,
      0.0,
      0.06755050505050506,
      0.1351010101010101,
      0.20265151515151517,
      0.2702020202020202,
      0.3377525252525253,
      0.40530303030303033,
      0.47285353535353536,
      0.5404040404040404,
      0.6079545454545455,
      0.6755050505050506,
      0.7430555555555556
    ],
    "TaskName": "restingstate",
    "TotalReadoutTime": 0.024699802401580786,
    "UsePhilipsFloatNotDisplayScaling": 1,
    "acq_id": "mb3",
    "dataset": "ds002785",
    "modality": "bold",
    "subject_id": "0160",
    "task_id": "restingstate"
  },
  "dummy_trs": 3,
  "dvars_nstd": 31.392272107752113,
  "dvars_std": 1.1763271245588227,
  "dvars_vstd": 1.0011211990126054,
  "efc": 0.4266435041602675,
  "fber": 164773.078125,
  "fd_mean": 0.09218897092165683,
  "fd_num": 11,
  "fd_perc": 2.3060796645702304,
  "fwhm_avg": 1.8495873821951108,
  "fwhm_x": 1.8405466666666666,
  "fwhm_y": 1.9522366666666666,
  "fwhm_z": 1.7559788132519984,
  "gcor": 0.0163059,
  "gsr_x": -0.016930993646383286,
  "gsr_y": 0.008722115308046341,
  "provenance": {
    "md5sum": "21debda822e16cfa3d905f98228cdf89",
    "settings": {
      "fd_thres": 0.2,
      "testing": false
    },
    "software": "mriqc",
    "version": "22.0.0rc1",
    "webapi_port": null,
    "webapi_url": "https://mriqc.nimh.nih.gov/api/v1"
  },
  "size_t": 477,
  "size_x": 80,
  "size_y": 80,
  "size_z": 36,
  "snr": 5.998885799334013,
  "spacing_tr": 0.75,
  "spacing_x": 3.0,
  "spacing_y": 3.0,
  "spacing_z": 3.299999952316284,
  "summary_bg_k": 48.01608868607714,
  "summary_bg_mad": 43.653943688073014,
  "summary_bg_mean": 390.0590515136719,
  "summary_bg_median": 40.26397705078125,
  "summary_bg_n": 155350.0,
  "summary_bg_p05": 1.6665382742881778,
  "summary_bg_p95": 1909.513342285153,
  "summary_bg_stdv": 1217.3616943359375,
  "summary_fg_k": 0.9497896624109377,
  "summary_fg_mad": 2555.011549191828,
  "summary_fg_mean": 16873.830078125,
  "summary_fg_median": 16717.6015625,
  "summary_fg_n": 34168.0,
  "summary_fg_p05": 12551.118701171876,
  "summary_fg_p95": 21600.0541015625,
  "summary_fg_stdv": 2786.74365234375,
  "tsnr": 52.01864242553711
}