{
  "aor": 0.0014674074074074075,
  "aqi": 0.003110387839506173,
  "bids_meta": {
    "AcquisitionNumber": 8,
    "BidsifyVersion": "0.3.5",
    "ConversionSoftware": "dcm2niix",
    "ConversionSoftwareVersion": "v1.0.20181125  GCC6.3.0",
    "EchoTime": 0.02762,
    "EffectiveEchoSpacing": 0.0006621159151938905,
    "ImageComments": "piop",
    "ImageOrientationPatientDICOM": [
      0.998738,
      0.0271689,
      -0.0422305,
      -0.036273,
      0.971902,
      -0.232575
    ],
    "Manufacturer": "Philips",
    "NumberOfVolumesDiscardedByScanner": 2,
    "ParallelAcquisitionTechnique": "SENSE",
    "ParallelReductionFactorInPlane": 2,
    "PatientPosition": "HFS",
    "PhaseEncodingDirection": "j",
    "PhilipsRescaleIntercept": 0,
    "PhilipsRescaleSlope": 0.80415,
    "PhilipsScaleSlope": 0.058984,
    "ProtocolName": "WIPpiopwmSENSE",
    "PulseSequenceType": "gradient echo EPI",
    "ReconMatrixPE": 80,
    "RepetitionTime": 2,
    "SeriesDescription": "ImageMRSERIES",
    "SeriesNumber": 8,
    "SliceEncodingDirection": "k",
    "SliceTiming": [
      0.0,
      0.0541,
      0.1081,
      0.1622,
      0.2162,
      0.2703,
      0.3243,
      0.3784,
      0.4324,
      0.4865,
      0.5405,
      0.5946,
      0.6486,
      0.7027,
      0.7568,
      0.8108,
      0.8649,
      0.9189,
      0.973,
      1.027,
      1.0811,
      1.1351,
      1.1892,
      1.2432,
      1.2973,
      1.3514,
      1.4054,
      1.4595,
      1.5135,
      1.5676,
      1.6216,
      1.6757,
      1.7297,
      1.7838,
      1.8378,
      1.8919,
      1.9459
    ],
    "TaskName": "workingmemory",
    "TotalReadoutTime": 0.025822520692561732,
    "UsePhilipsFloatNotDisplayScaling": 1,
    "acq_id": "seq",
    "dataset": "ds002785",
    "modality": "bold",
    "subject_id": "0160",
    "task_id": "workingmemory"
  },
  "dummy_trs": 0,
  "dvars_nstd": 23.838981000559002,
  "dvars_std": 1.356381687391305,
  "dvars_vstd": 1.0165256178881987,
  "efc": 0.4190883757289042,
  "fber": 159297.21875,
  "fd_mean": 0.11431749560440965,
  "fd_num": 10,
  "fd_perc": 6.172839506172839,
  "fwhm_avg": 1.8278234427731623,
  "fwhm_x": 1.7933166666666667,
  "fwhm_y": 1.9399899999999999,
  "fwhm_z": 1.7501636616528202,
  "gcor": 0.0193876,
  "gsr_x": -0.015827815979719162,
  "gsr_y": 0.00974386464804411,
  "provenance": {
    "md5sum": "c67970a0124e5891e995f5460b2286a2",
    "settings": {
      "fd_thres": 0.2,
      "testing": false
    },
    "software": "mriqc",
    "version": "22.0.0rc1",
    "webapi_port": null,
    "webapi_url": "https://mriqc.nimh.nih.gov/api/v1"
  },
  "size_t": 162,
  "size_x": 80,
  "size_y": 80,
  "size_z": 37,
  "snr": 5.021240186692166,
  "spacing_tr": 2.0,
  "spacing_x": 3.0,
  "spacing_y": 3.0,
  "spacing_z": 3.299999952316284,
  "summary_bg_k": 58.86219527290557,
  "summary_bg_mad": 59.02842813601009,
  "summary_bg_mean": 542.4527587890625,
  "summary_bg_median": 58.39484405517578,
  "summary_bg_n": 160576.0,
  "summary_bg_p05": 3.6378689408302307,
  "summary_bg_p95": 2641.80908203125,
  "summary_bg_stdv": 1765.465087890625,
  "summary_fg_k": 1.366500198864128,
  "summary_fg_mad": 4270.082610280905,
  "summary_fg_mean": 24505.56640625,
  "summary_fg_median": 23921.6328125,
  "summary_fg_n": 34766.0,
  "summary_fg_p05": 17675.5224609375,
  "summary_fg_p95": 32835.0830078125,
  "summary_fg_stdv": 4764.02001953125,
  "tsnr": 86.29986572265625
}