{
  "aor": 0.001133111111111111,
  "aqi": 0.003016554962962963,
  "bids_meta": {
    "AcquisitionNumber": 5,
    "BidsifyVersion": "0.3.5",
    "ConversionSoftware": "dcm2niix",
    "ConversionSoftwareVersion": "v1.0.20181125  GCC6.3.0",
    "EchoTime": 0.02762,
    "EffectiveEchoSpacing": 0.0006621159151938905,
    "ImageComments": "piop",
    "ImageOrientationPatientDICOM": [
      0.998738,
      0.0271689,
      -0.0422305,
      -0.036273,
      0.971902,
      -0.232575
    ],
    "Manufacturer": "Philips",
    "NumberOfVolumesDiscardedByScanner": 2,
    "ParallelAcquisitionTechnique": "SENSE",
    "ParallelReductionFactorInPlane": 2,
    "PatientPosition": "HFS",
    "PhaseEncodingDirection": "j",
    "PhilipsRescaleIntercept": 0,
    "PhilipsRescaleSlope": 0.87521,
    "PhilipsScaleSlope": 0.0558031,
    "ProtocolName": "WIPpiopharririSENSE",
    "PulseSequenceType": "gradient echo EPI",
    "ReconMatrixPE": 80,
    "RepetitionTime": 2,
    "SeriesDescription": "ImageMRSERIES",
    "SeriesNumber": 5,
    "SliceEncodingDirection": "k",
    "SliceTiming": [
      0.0,
      0.0541,
      0.1081,
      0.1622,
      0.2162,
      0.2703,
      0.3243,
      0.3784,
      0.4324,
      0.4865,
      0.5405,
      0.5946,
      0.6486,
      0.7027,
      0.7568,
      0.8108,
      0.8649,
      0.9189,
      0.973,
      1.027,
      1.0811,
      1.1351,
      1.1892,
      1.2432,
      1.2973,
      1.3514,
      1.4054,
      1.4595,
      1.5135,
      1.5676,
      1.6216,
      1.6757,
      1.7297,
      1.7838,
      1.8378,
      1.8919,
      1.9459
    ],
    "TaskName": "emomatching",
    "TotalReadoutTime": 0.025822520692561732,
    "UsePhilipsFloatNotDisplayScaling": 1,
    "acq_id": "seq",
    "dataset": "ds002785",
    "modality": "bold",
    "subject_id": "0160",
    "task_id": "emomatching"
  },
  "dummy_trs": 0,
  "dvars_nstd": 21.777995116194024,
  "dvars_std": 1.2931647763432843,
  "dvars_vstd": 1.0034796165671647,
  "efc": 0.4180895428487586,
  "fber": 166436.828125,
  "fd_mean": 0.11646019501913527,
  "fd_num": 10,
  "fd_perc": 7.407407407407407,
  "fwhm_avg": 1.8321660690880701,
  "fwhm_x": 1.8057166666666669,
  "fwhm_y": 1.9297633333333335,
  "fwhm_z": 1.7610182072642095,
  "gcor": 0.0231719,
  "gsr_x": -0.015929413959383965,
  "gsr_y": 0.009734392166137695,
  "provenance": {
    "md5sum": "cd4d19f808098f4daf90eeac24145f32",
    "settings": {
      "fd_thres": 0.2,
      "testing": false
    },
    "software": "mriqc",
    "version": "22.0.0rc1",
    "webapi_port": null,
    "webapi_url": "https://mriqc.nimh.nih.gov/api/v1"
  },
  "size_t": 135,
  "size_x": 80,
  "size_y": 80,
  "size_z": 37,
  "snr": 4.993528291579949,
  "spacing_tr": 2.0,
  "spacing_x": 3.0,
  "spacing_y": 3.0,
  "spacing_z": 3.299999952316284,
  "summary_bg_k": 64.01225182054728,
  "summary_bg_mad": 57.66145909491254,
  "summary_bg_mean": 525.7122192382812,
  "summary_bg_median": 56.59194564819336,
  "summary_bg_n": 160582.0,
  "summary_bg_p05": 3.1279060363769533,
  "summary_bg_p95": 2517.5623046874994,
  "summary_bg_stdv": 1740.8372802734375,
  "summary_fg_k": 1.3128888268131114,
  "summary_fg_mad": 4269.158879601797,
  "summary_fg_mean": 24282.833984375,
  "summary_fg_median": 23690.734375,
  "summary_fg_n": 34698.0,
  "summary_fg_p05": 17501.04423828125,
  "summary_fg_p95": 32575.685742187503,
  "summary_fg_stdv": 4744.21923828125,
  "tsnr": 86.72683715820312
}