{
  "aor": 0.0014374530271398748,
  "aqi": 0.016757884112734864,
  "bids_meta": {
    "AcquisitionNumber": 6,
    "BidsifyVersion": "0.3.5",
    "ConversionSoftware": "dcm2niix",
    "ConversionSoftwareVersion": "v1.0.20181125  GCC6.3.0",
    "EchoTime": 0.02762,
    "EffectiveEchoSpacing": 0.0006333282667071997,
    "ImageComments": "PIOP",
    "ImageOrientationPatientDICOM": [
      0.999773,
      0.0182027,
      -0.0110857,
      -0.0204186,
      0.967142,
      -0.253416
    ],
    "Manufacturer": "Philips",
    "NumberOfVolumesDiscardedByScanner": 2,
    "ParallelAcquisitionTechnique": "SENSE",
    "ParallelReductionFactorInPlane": 2,
    "PatientPosition": "HFS",
    "PhaseEncodingDirection": "j",
    "PhilipsRescaleIntercept": 0,
    "PhilipsRescaleSlope": 0.78388,
    "PhilipsScaleSlope": 0.105932,
    "ProtocolName": "WIPpioprsSENSE",
    "PulseSequenceType": "gradient echo EPI",
    "ReconMatrixPE": 80,
    "RepetitionTime": 0.75,
    "SeriesDescription": "ImageMRSERIES",
    "SeriesNumber": 6,
    "SliceEncodingDirection": "k",
    "SliceTiming": [
      0.0,
      0.06755050505050506,
      0.1351010101010101,
      0.20265151515151517,
      0.2702020202020202,
      0.3377525252525253,
      0.40530303030303033,
      0.47285353535353536,
      0.5404040404040404,
      0.6079545454545455,
      0.6755050505050506,
      0.7430555555555556,
      0.0,
      0.06755050505050506,
      0.1351010101010101,
      0.20265151515151517,
      0.2702020202020202,
      0.3377525252525253,
      0.40530303030303033,
      0.47285353535353536,
      0.5404040404040404,
      0.6079545454545455,
      0.6755050505050506,
      0.7430555555555556,
      0.0,
      0.06755050505050506,
      0.1351010101010101,
      0.20265151515151517,
      0.2702020202020202,
      0.3377525252525253,
      0.40530303030303033,
      0.47285353535353536,
      0.5404040404040404,
      0.6079545454545455,
      0.6755050505050506,
      0.7430555555555556
    ],
    "TaskName": "restingstate",
    "TotalReadoutTime": 0.024699802401580786,
    "UsePhilipsFloatNotDisplayScaling": 1,
    "acq_id": "mb3",
    "dataset": "ds002785",
    "modality": "bold",
    "subject_id": "0152",
    "task_id": "restingstate"
  },
  "dummy_trs": 1,
  "dvars_nstd": 33.804570218012536,
  "dvars_std": 1.1602441597698747,
  "dvars_vstd": 1.0134702695397497,
  "efc": 0.4500990823846035,
  "fber": 160294.90625,
  "fd_mean": 0.13061874266958767,
  "fd_num": 62,
  "fd_perc": 12.943632567849686,
  "fwhm_avg": 1.8729065742825164,
  "fwhm_x": 1.8735733333333335,
  "fwhm_y": 1.9542433333333333,
  "fwhm_z": 1.7909030561808825,
  "gcor": 0.016246,
  "gsr_x": -0.017719972878694534,
  "gsr_y": 0.020955810323357582,
  "provenance": {
    "md5sum": "62cdce17d6d37a71edacdf0f41917f43",
    "settings": {
      "fd_thres": 0.2,
      "testing": false
    },
    "software": "mriqc",
    "version": "22.0.0rc1",
    "webapi_port": null,
    "webapi_url": "https://mriqc.nimh.nih.gov/api/v1"
  },
  "size_t": 479,
  "size_x": 80,
  "size_y": 80,
  "size_z": 36,
  "snr": 6.657378696776404,
  "spacing_tr": 0.75,
  "spacing_x": 3.0,
  "spacing_y": 3.0,
  "spacing_z": 3.299999952316284,
  "summary_bg_k": 50.14558703969592,
  "summary_bg_mad": 43.77143334199102,
  "summary_bg_mean": 470.5461120605469,
  "summary_bg_median": 40.72506332397461,
  "summary_bg_n": 152607.0,
  "summary_bg_p05": 3.6676955938339235,
  "summary_bg_p95": 2730.548876953121,
  "summary_bg_stdv": 1264.9671630859375,
  "summary_fg_k": 1.029158311037368,
  "summary_fg_mad": 2376.2131964890023,
  "summary_fg_mean": 16676.837890625,
  "summary_fg_median": 16700.451171875,
  "summary_fg_n": 36859.0,
  "summary_fg_p05": 12578.7228515625,
  "summary_fg_p95": 20670.061132812498,
  "summary_fg_stdv": 2508.528564453125,
  "tsnr": 41.04879379272461
}