{
  "aor": 0.013258222222222222,
  "aqi": 0.010275027851851854,
  "bids_meta": {
    "AcquisitionNumber": 5,
    "BidsifyVersion": "0.3.5",
    "ConversionSoftware": "dcm2niix",
    "ConversionSoftwareVersion": "v1.0.20181125  GCC6.3.0",
    "EchoTime": 0.02762,
    "EffectiveEchoSpacing": 0.0006621159151938905,
    "ImageComments": "PIOP",
    "ImageOrientationPatientDICOM": [
      0.999469,
      0.0306328,
      -0.0111315,
      -0.0324573,
      0.966561,
      -0.254375
    ],
    "Manufacturer": "Philips",
    "NumberOfVolumesDiscardedByScanner": 2,
    "ParallelAcquisitionTechnique": "SENSE",
    "ParallelReductionFactorInPlane": 2,
    "PatientPosition": "HFS",
    "PhaseEncodingDirection": "j",
    "PhilipsRescaleIntercept": 0,
    "PhilipsRescaleSlope": 0.84664,
    "PhilipsScaleSlope": 0.0680463,
    "ProtocolName": "WIPpiopharririSENSE",
    "PulseSequenceType": "gradient echo EPI",
    "ReconMatrixPE": 80,
    "RepetitionTime": 2,
    "SeriesDescription": "ImageMRSERIES",
    "SeriesNumber": 5,
    "SliceEncodingDirection": "k",
    "SliceTiming": [
      0.0,
      0.0541,
      0.1081,
      0.1622,
      0.2162,
      0.2703,
      0.3243,
      0.3784,
      0.4324,
      0.4865,
      0.5405,
      0.5946,
      0.6486,
      0.7027,
      0.7568,
      0.8108,
      0.8649,
      0.9189,
      0.973,
      1.027,
      1.0811,
      1.1351,
      1.1892,
      1.2432,
      1.2973,
      1.3514,
      1.4054,
      1.4595,
      1.5135,
      1.5676,
      1.6216,
      1.6757,
      1.7297,
      1.7838,
      1.8378,
      1.8919,
      1.9459
    ],
    "TaskName": "emomatching",
    "TotalReadoutTime": 0.025822520692561732,
    "UsePhilipsFloatNotDisplayScaling": 1,
    "acq_id": "seq",
    "dataset": "ds002785",
    "modality": "bold",
    "subject_id": "0152",
    "task_id": "emomatching"
  },
  "dummy_trs": 0,
  "dvars_nstd": 24.950508530223892,
  "dvars_std": 1.339137372761194,
  "dvars_vstd": 1.0817902544029852,
  "efc": 0.44337699775388645,
  "fber": 143575.84375,
  "fd_mean": 0.14680987211861407,
  "fd_num": 21,
  "fd_perc": 15.555555555555555,
  "fwhm_avg": 1.8603151600892878,
  "fwhm_x": 1.84192,
  "fwhm_y": 1.95888,
  "fwhm_z": 1.780145480267864,
  "gcor": 0.0171508,
  "gsr_x": -0.016302186995744705,
  "gsr_y": 0.02345096319913864,
  "provenance": {
    "md5sum": "47e7a9b1c6dba09f37a5d3eb3e614fe9",
    "settings": {
      "fd_thres": 0.2,
      "testing": false
    },
    "software": "mriqc",
    "version": "22.0.0rc1",
    "webapi_port": null,
    "webapi_url": "https://mriqc.nimh.nih.gov/api/v1"
  },
  "size_t": 135,
  "size_x": 80,
  "size_y": 80,
  "size_z": 37,
  "snr": 5.6703058038461505,
  "spacing_tr": 2.0,
  "spacing_x": 3.0,
  "spacing_y": 3.0,
  "spacing_z": 3.299999952316284,
  "summary_bg_k": 70.28211330997868,
  "summary_bg_mad": 55.914541563522604,
  "summary_bg_mean": 615.7761840820312,
  "summary_bg_median": 58.20937728881836,
  "summary_bg_n": 157449.0,
  "summary_bg_p05": 6.888545227050781,
  "summary_bg_p95": 3597.0222167968777,
  "summary_bg_stdv": 1778.1597900390625,
  "summary_fg_k": 0.8782469599768934,
  "summary_fg_mad": 3846.472461954799,
  "summary_fg_mean": 22817.568359375,
  "summary_fg_median": 22566.33203125,
  "summary_fg_n": 37691.0,
  "summary_fg_p05": 16691.6279296875,
  "summary_fg_p95": 29417.3544921875,
  "summary_fg_stdv": 3979.685302734375,
  "tsnr": 58.88294219970703
}