{
  "bids_meta": {
    "AcquisitionNumber": 4,
    "BidsifyVersion": "0.3.5",
    "ConversionSoftware": "dcm2niix",
    "ConversionSoftwareVersion": "v1.0.20181125  GCC6.3.0",
    "EchoTime": 0.00374,
    "ImageComments": "piop",
    "ImageOrientationPatientDICOM": [
      0.998629,
      0.0463563,
      -0.0243207,
      -0.0465701,
      0.998881,
      -0.00830071
    ],
    "Manufacturer": "Philips",
    "PatientPosition": "HFS",
    "PhilipsRescaleIntercept": 0,
    "PhilipsRescaleSlope": 9.0337,
    "PhilipsScaleSlope": 0.0076708,
    "ProtocolName": "WIPt13dSENSE",
    "ReconMatrixPE": 240,
    "RepetitionTime": 0.008148,
    "SeriesDescription": "ImageMRSERIES",
    "SeriesNumber": 4,
    "UsePhilipsFloatNotDisplayScaling": 1,
    "dataset": "ds002785",
    "modality": "T1w",
    "subject_id": "0019"
  },
  "cjv": 0.3228150539657363,
  "cnr": 3.9565278435051914,
  "efc": 0.7520190593929311,
  "fber": 819.48876953125,
  "fwhm_avg": 3.5716900000000003,
  "fwhm_x": 3.55942,
  "fwhm_y": 3.74016,
  "fwhm_z": 3.41549,
  "icvs_csf": 0.20612485904125843,
  "icvs_gm": 0.4296855642908694,
  "icvs_wm": 0.36418957666787216,
  "inu_med": 1.946338415145874,
  "inu_range": 0.40325894951820374,
  "provenance": {
    "md5sum": "be1fdfa88d45ce7bfe85d26d33e89203",
    "settings": {
      "testing": false
    },
    "software": "mriqc",
    "version": "22.0.0rc1",
    "warnings": {
      "large_rot_frame": true,
      "small_air_mask": true
    },
    "webapi_port": null,
    "webapi_url": "https://mriqc.nimh.nih.gov/api/v1"
  },
  "qi_1": 0.0,
  "qi_2": 0.00019993348900576024,
  "rpve_csf": 29.199347536648784,
  "rpve_gm": 15.179905628531948,
  "rpve_wm": 22.828259106086175,
  "size_x": 240,
  "size_y": 240,
  "size_z": 220,
  "snr_csf": 2.2069813401414025,
  "snr_gm": 7.423328677022135,
  "snr_total": 10.3008494265498,
  "snr_wm": 21.27223826248586,
  "snrd_csf": 23.653292386570783,
  "snrd_gm": 49.31778657483435,
  "snrd_total": 50.89858508562005,
  "snrd_wm": 79.724676295455,
  "spacing_x": 1.0,
  "spacing_y": 1.0,
  "spacing_z": 1.0,
  "summary_bg_k": 113.43158244796405,
  "summary_bg_mad": 8.217315047787578,
  "summary_bg_mean": 12.886666297912598,
  "summary_bg_median": 10.9839448928833,
  "summary_bg_n": 143153.0,
  "summary_bg_p05": 0.0,
  "summary_bg_p95": 33.255166625976564,
  "summary_bg_stdv": 11.775959968566895,
  "summary_csf_k": 12.36272564041786,
  "summary_csf_mad": 150.0342159433862,
  "summary_csf_mean": 279.36590576171875,
  "summary_csf_median": 296.6810607910156,
  "summary_csf_n": 4540.0,
  "summary_csf_p05": 84.18635864257813,
  "summary_csf_p95": 451.2137069702149,
  "summary_csf_stdv": 134.41363525390625,
  "summary_gm_k": 0.24338002419774662,
  "summary_gm_mad": 80.58790052009417,
  "summary_gm_mean": 624.0797729492188,
  "summary_gm_median": 618.5884399414062,
  "summary_gm_n": 19351.0,
  "summary_gm_p05": 494.29296875,
  "summary_gm_p95": 768.8093566894531,
  "summary_gm_stdv": 83.32817840576172,
  "summary_wm_k": 1.0423793497931522,
  "summary_wm_mad": 42.53079378050851,
  "summary_wm_mean": 998.6321411132812,
  "summary_wm_median": 999.979248046875,
  "summary_wm_n": 180699.0,
  "summary_wm_p05": 919.44306640625,
  "summary_wm_p95": 1072.5283447265624,
  "summary_wm_stdv": 47.008522033691406,
  "tpm_overlap_csf": 0.16809886693954468,
  "tpm_overlap_gm": 0.44519731402397156,
  "tpm_overlap_wm": 0.5127479434013367,
  "wm2max": 0.7297231038600882
}