{
  "aor": 0.0008534693877551022,
  "aqi": 0.012518181918367347,
  "bids_meta": {
    "AcquisitionNumber": 3,
    "BidsifyVersion": "0.3.5",
    "ConversionSoftware": "dcm2niix",
    "ConversionSoftwareVersion": "v1.0.20181125  GCC6.3.0",
    "EchoTime": 0.02762,
    "EffectiveEchoSpacing": 0.0006621159151938905,
    "ImageComments": "piop",
    "ImageOrientationPatientDICOM": [
      0.998115,
      -0.0361847,
      -0.0495707,
      0.0128918,
      0.913296,
      -0.407092
    ],
    "Manufacturer": "Philips",
    "NumberOfVolumesDiscardedByScanner": 2,
    "ParallelAcquisitionTechnique": "SENSE",
    "ParallelReductionFactorInPlane": 2,
    "PatientPosition": "HFS",
    "PhaseEncodingDirection": "j",
    "PhilipsRescaleIntercept": 0,
    "PhilipsRescaleSlope": 0.82808,
    "PhilipsScaleSlope": 0.0616922,
    "ProtocolName": "WIPpiopgstroopSENSE",
    "PulseSequenceType": "gradient echo EPI",
    "ReconMatrixPE": 80,
    "RepetitionTime": 2,
    "SeriesDescription": "ImageMRSERIES",
    "SeriesNumber": 3,
    "SliceEncodingDirection": "k",
    "SliceTiming": [
      0.0,
      0.0541,
      0.1081,
      0.1622,
      0.2162,
      0.2703,
      0.3243,
      0.3784,
      0.4324,
      0.4865,
      0.5405,
      0.5946,
      0.6486,
      0.7027,
      0.7568,
      0.8108,
      0.8649,
      0.9189,
      0.973,
      1.027,
      1.0811,
      1.1351,
      1.1892,
      1.2432,
      1.2973,
      1.3514,
      1.4054,
      1.4595,
      1.5135,
      1.5676,
      1.6216,
      1.6757,
      1.7297,
      1.7838,
      1.8378,
      1.8919,
      1.9459
    ],
    "TaskName": "gstroop",
    "TotalReadoutTime": 0.025822520692561732,
    "UsePhilipsFloatNotDisplayScaling": 1,
    "acq_id": "seq",
    "dataset": "ds002785",
    "modality": "bold",
    "subject_id": "0113",
    "task_id": "gstroop"
  },
  "dummy_trs": 0,
  "dvars_nstd": 21.181856190614756,
  "dvars_std": 1.0975121626639344,
  "dvars_vstd": 0.9068126648360657,
  "efc": 0.400262542907248,
  "fber": 175550.046875,
  "fd_mean": 0.1454932302723628,
  "fd_num": 43,
  "fd_perc": 17.551020408163264,
  "fwhm_avg": 1.8273627355572584,
  "fwhm_x": 1.7948833333333332,
  "fwhm_y": 1.9671866666666666,
  "fwhm_z": 1.7200182066717755,
  "gcor": 0.00626771,
  "gsr_x": -0.022974807769060135,
  "gsr_y": 0.011123892851173878,
  "provenance": {
    "md5sum": "af9b908017e620c735920f4523fe0fd2",
    "settings": {
      "fd_thres": 0.2,
      "testing": false
    },
    "software": "mriqc",
    "version": "22.0.0rc1",
    "webapi_port": null,
    "webapi_url": "https://mriqc.nimh.nih.gov/api/v1"
  },
  "size_t": 245,
  "size_x": 80,
  "size_y": 80,
  "size_z": 37,
  "snr": 5.555622148675495,
  "spacing_tr": 2.0,
  "spacing_x": 3.0,
  "spacing_y": 3.0,
  "spacing_z": 3.299999952316284,
  "summary_bg_k": 70.52330612885564,
  "summary_bg_mad": 55.551305603578754,
  "summary_bg_mean": 506.0229797363281,
  "summary_bg_median": 53.94921875,
  "summary_bg_n": 165638.0,
  "summary_bg_p05": 5.38240659236908,
  "summary_bg_p95": 2625.1869506835933,
  "summary_bg_stdv": 1611.0428466796875,
  "summary_fg_k": 2.707652173569393,
  "summary_fg_mad": 3806.3857357597167,
  "summary_fg_mean": 23520.580078125,
  "summary_fg_median": 23074.267578125,
  "summary_fg_n": 30810.0,
  "summary_fg_p05": 17852.0412109375,
  "summary_fg_p95": 30456.405859374998,
  "summary_fg_stdv": 4153.2509765625,
  "tsnr": 56.49822235107422
}