{
  "aor": 0.00024327217125382267,
  "aqi": 0.006079124311926606,
  "bids_meta": {
    "AcquisitionNumber": 2,
    "BidsifyVersion": "0.3.5",
    "ConversionSoftware": "dcm2niix",
    "ConversionSoftwareVersion": "v1.0.20181125  GCC6.3.0",
    "EchoTime": 0.02762,
    "EffectiveEchoSpacing": 0.0006333282667071997,
    "ImageComments": "piop",
    "ImageOrientationPatientDICOM": [
      0.998115,
      -0.0361847,
      -0.0495707,
      0.0128918,
      0.913296,
      -0.407092
    ],
    "Manufacturer": "Philips",
    "NumberOfVolumesDiscardedByScanner": 2,
    "ParallelAcquisitionTechnique": "SENSE",
    "ParallelReductionFactorInPlane": 2,
    "PatientPosition": "HFS",
    "PhaseEncodingDirection": "j",
    "PhilipsRescaleIntercept": 0,
    "PhilipsRescaleSlope": 0.7685,
    "PhilipsScaleSlope": 0.0926624,
    "ProtocolName": "WIPpiopfacesSENSE",
    "PulseSequenceType": "gradient echo EPI",
    "ReconMatrixPE": 80,
    "RepetitionTime": 0.75,
    "SeriesDescription": "ImageMRSERIES",
    "SeriesNumber": 2,
    "SliceEncodingDirection": "k",
    "SliceTiming": [
      0.0,
      0.06755050505050506,
      0.1351010101010101,
      0.20265151515151517,
      0.2702020202020202,
      0.3377525252525253,
      0.40530303030303033,
      0.47285353535353536,
      0.5404040404040404,
      0.6079545454545455,
      0.6755050505050506,
      0.7430555555555556,
      0.0,
      0.06755050505050506,
      0.1351010101010101,
      0.20265151515151517,
      0.2702020202020202,
      0.3377525252525253,
      0.40530303030303033,
      0.47285353535353536,
      0.5404040404040404,
      0.6079545454545455,
      0.6755050505050506,
      0.7430555555555556,
      0.0,
      0.06755050505050506,
      0.1351010101010101,
      0.20265151515151517,
      0.2702020202020202,
      0.3377525252525253,
      0.40530303030303033,
      0.47285353535353536,
      0.5404040404040404,
      0.6079545454545455,
      0.6755050505050506,
      0.7430555555555556
    ],
    "TaskName": "faces",
    "TotalReadoutTime": 0.024699802401580786,
    "UsePhilipsFloatNotDisplayScaling": 1,
    "acq_id": "mb3",
    "dataset": "ds002785",
    "modality": "bold",
    "subject_id": "0113",
    "task_id": "faces"
  },
  "dummy_trs": 3,
  "dvars_nstd": 21.93346148180981,
  "dvars_std": 1.0505164165337422,
  "dvars_vstd": 0.9989293333435583,
  "efc": 0.4089799088358681,
  "fber": 176532.515625,
  "fd_mean": 0.10197171127467472,
  "fd_num": 10,
  "fd_perc": 3.058103975535168,
  "fwhm_avg": 2.077344904695416,
  "fwhm_x": 2.0770166666666667,
  "fwhm_y": 2.209963333333333,
  "fwhm_z": 1.9450547140862477,
  "gcor": 0.0114581,
  "gsr_x": -0.02494683861732483,
  "gsr_y": 0.00924764946103096,
  "provenance": {
    "md5sum": "a44749ba50a8fa1fcb0002348e3e7a60",
    "settings": {
      "fd_thres": 0.2,
      "testing": false
    },
    "software": "mriqc",
    "version": "22.0.0rc1",
    "webapi_port": null,
    "webapi_url": "https://mriqc.nimh.nih.gov/api/v1"
  },
  "size_t": 327,
  "size_x": 80,
  "size_y": 80,
  "size_z": 36,
  "snr": 6.587039544031938,
  "spacing_tr": 0.75,
  "spacing_x": 3.0,
  "spacing_y": 3.0,
  "spacing_z": 3.299999713897705,
  "summary_bg_k": 49.58405225960671,
  "summary_bg_mad": 41.383882246144324,
  "summary_bg_mean": 391.509033203125,
  "summary_bg_median": 41.430885314941406,
  "summary_bg_n": 160028.0,
  "summary_bg_p05": 4.086607146263122,
  "summary_bg_p95": 2012.4317077636706,
  "summary_bg_stdv": 1157.9117431640625,
  "summary_fg_k": 0.9715160691486493,
  "summary_fg_mad": 2544.7368552039134,
  "summary_fg_mean": 17853.30859375,
  "summary_fg_median": 17701.0859375,
  "summary_fg_n": 30618.0,
  "summary_fg_p05": 13735.67998046875,
  "summary_fg_p95": 22371.9599609375,
  "summary_fg_stdv": 2687.2158203125,
  "tsnr": 61.609458923339844
}