{
  "aor": 0.0008029629629629628,
  "aqi": 0.005379365802469135,
  "bids_meta": {
    "AcquisitionNumber": 8,
    "BidsifyVersion": "0.3.5",
    "ConversionSoftware": "dcm2niix",
    "ConversionSoftwareVersion": "v1.0.20181125  GCC6.3.0",
    "EchoTime": 0.02762,
    "EffectiveEchoSpacing": 0.0006621159151938905,
    "ImageComments": "piop",
    "ImageOrientationPatientDICOM": [
      0.998115,
      -0.0361847,
      -0.0495707,
      0.0128918,
      0.913296,
      -0.407092
    ],
    "Manufacturer": "Philips",
    "NumberOfVolumesDiscardedByScanner": 2,
    "ParallelAcquisitionTechnique": "SENSE",
    "ParallelReductionFactorInPlane": 2,
    "PatientPosition": "HFS",
    "PhaseEncodingDirection": "j",
    "PhilipsRescaleIntercept": 0,
    "PhilipsRescaleSlope": 0.7939,
    "PhilipsScaleSlope": 0.0669254,
    "ProtocolName": "WIPpiopwmSENSE",
    "PulseSequenceType": "gradient echo EPI",
    "ReconMatrixPE": 80,
    "RepetitionTime": 2,
    "SeriesDescription": "ImageMRSERIES",
    "SeriesNumber": 8,
    "SliceEncodingDirection": "k",
    "SliceTiming": [
      0.0,
      0.0541,
      0.1081,
      0.1622,
      0.2162,
      0.2703,
      0.3243,
      0.3784,
      0.4324,
      0.4865,
      0.5405,
      0.5946,
      0.6486,
      0.7027,
      0.7568,
      0.8108,
      0.8649,
      0.9189,
      0.973,
      1.027,
      1.0811,
      1.1351,
      1.1892,
      1.2432,
      1.2973,
      1.3514,
      1.4054,
      1.4595,
      1.5135,
      1.5676,
      1.6216,
      1.6757,
      1.7297,
      1.7838,
      1.8378,
      1.8919,
      1.9459
    ],
    "TaskName": "workingmemory",
    "TotalReadoutTime": 0.025822520692561732,
    "UsePhilipsFloatNotDisplayScaling": 1,
    "acq_id": "seq",
    "dataset": "ds002785",
    "modality": "bold",
    "subject_id": "0113",
    "task_id": "workingmemory"
  },
  "dummy_trs": 0,
  "dvars_nstd": 22.412847513291922,
  "dvars_std": 1.2629328552795036,
  "dvars_vstd": 0.9836438456521739,
  "efc": 0.40044380612140273,
  "fber": 166953.171875,
  "fd_mean": 0.12132891457792615,
  "fd_num": 16,
  "fd_perc": 9.876543209876543,
  "fwhm_avg": 1.771584048536982,
  "fwhm_x": 1.7291966666666667,
  "fwhm_y": 1.8970099999999999,
  "fwhm_z": 1.6885454789442795,
  "gcor": 0.0138416,
  "gsr_x": -0.022866230458021164,
  "gsr_y": 0.011422195471823215,
  "provenance": {
    "md5sum": "fce1e796c6fee872a2c8675e96da0181",
    "settings": {
      "fd_thres": 0.2,
      "testing": false
    },
    "software": "mriqc",
    "version": "22.0.0rc1",
    "webapi_port": null,
    "webapi_url": "https://mriqc.nimh.nih.gov/api/v1"
  },
  "size_t": 162,
  "size_x": 80,
  "size_y": 80,
  "size_z": 37,
  "snr": 5.799517616181115,
  "spacing_tr": 2.0,
  "spacing_x": 3.0,
  "spacing_y": 3.0,
  "spacing_z": 3.299999952316284,
  "summary_bg_k": 69.60972744137352,
  "summary_bg_mad": 51.101250815806935,
  "summary_bg_mean": 494.7330322265625,
  "summary_bg_median": 54.26862335205078,
  "summary_bg_n": 165794.0,
  "summary_bg_p05": 5.978086853027343,
  "summary_bg_p95": 2607.011120605473,
  "summary_bg_stdv": 1567.63134765625,
  "summary_fg_k": 2.642884609566149,
  "summary_fg_mad": 3534.2920323207136,
  "summary_fg_mean": 22983.46875,
  "summary_fg_median": 22597.451171875,
  "summary_fg_n": 30783.0,
  "summary_fg_p05": 17572.303515625,
  "summary_fg_p95": 29401.001953125,
  "summary_fg_stdv": 3896.373046875,
  "tsnr": 78.32731628417969
}