{
  "aor": 0.0014270649895178193,
  "aqi": 0.019839130377358488,
  "bids_meta": {
    "AcquisitionNumber": 6,
    "BidsifyVersion": "0.3.5",
    "ConversionSoftware": "dcm2niix",
    "ConversionSoftwareVersion": "v1.0.20181125  GCC6.3.0",
    "EchoTime": 0.02762,
    "EffectiveEchoSpacing": 0.0006333282667071997,
    "ImageComments": "piop",
    "ImageOrientationPatientDICOM": [
      0.998115,
      -0.0361847,
      -0.0495707,
      0.0128918,
      0.913296,
      -0.407092
    ],
    "Manufacturer": "Philips",
    "NumberOfVolumesDiscardedByScanner": 2,
    "ParallelAcquisitionTechnique": "SENSE",
    "ParallelReductionFactorInPlane": 2,
    "PatientPosition": "HFS",
    "PhaseEncodingDirection": "j",
    "PhilipsRescaleIntercept": 0,
    "PhilipsRescaleSlope": 0.86422,
    "PhilipsScaleSlope": 0.0856997,
    "ProtocolName": "WIPpioprsSENSE",
    "PulseSequenceType": "gradient echo EPI",
    "ReconMatrixPE": 80,
    "RepetitionTime": 0.75,
    "SeriesDescription": "ImageMRSERIES",
    "SeriesNumber": 6,
    "SliceEncodingDirection": "k",
    "SliceTiming": [
      0.0,
      0.06755050505050506,
      0.1351010101010101,
      0.20265151515151517,
      0.2702020202020202,
      0.3377525252525253,
      0.40530303030303033,
      0.47285353535353536,
      0.5404040404040404,
      0.6079545454545455,
      0.6755050505050506,
      0.7430555555555556,
      0.0,
      0.06755050505050506,
      0.1351010101010101,
      0.20265151515151517,
      0.2702020202020202,
      0.3377525252525253,
      0.40530303030303033,
      0.47285353535353536,
      0.5404040404040404,
      0.6079545454545455,
      0.6755050505050506,
      0.7430555555555556,
      0.0,
      0.06755050505050506,
      0.1351010101010101,
      0.20265151515151517,
      0.2702020202020202,
      0.3377525252525253,
      0.40530303030303033,
      0.47285353535353536,
      0.5404040404040404,
      0.6079545454545455,
      0.6755050505050506,
      0.7430555555555556
    ],
    "TaskName": "restingstate",
    "TotalReadoutTime": 0.024699802401580786,
    "UsePhilipsFloatNotDisplayScaling": 1,
    "acq_id": "mb3",
    "dataset": "ds002785",
    "modality": "bold",
    "subject_id": "0113",
    "task_id": "restingstate"
  },
  "dummy_trs": 3,
  "dvars_nstd": 26.149281994852913,
  "dvars_std": 1.0199972713865542,
  "dvars_vstd": 0.9806605400630244,
  "efc": 0.40858528551300316,
  "fber": 157364.203125,
  "fd_mean": 0.11549204601745877,
  "fd_num": 45,
  "fd_perc": 9.433962264150944,
  "fwhm_avg": 1.838103442410798,
  "fwhm_x": 1.84303,
  "fwhm_y": 1.9963499999999998,
  "fwhm_z": 1.6749303272323943,
  "gcor": 0.00695048,
  "gsr_x": -0.024034252390265465,
  "gsr_y": 0.010806079022586346,
  "provenance": {
    "md5sum": "f3572f968c97f28e83f0050a9d3e206a",
    "settings": {
      "fd_thres": 0.2,
      "testing": false
    },
    "software": "mriqc",
    "version": "22.0.0rc1",
    "webapi_port": null,
    "webapi_url": "https://mriqc.nimh.nih.gov/api/v1"
  },
  "size_t": 477,
  "size_x": 80,
  "size_y": 80,
  "size_z": 36,
  "snr": 6.79626207824231,
  "spacing_tr": 0.75,
  "spacing_x": 3.0,
  "spacing_y": 3.0,
  "spacing_z": 3.299999952316284,
  "summary_bg_k": 52.36605404100877,
  "summary_bg_mad": 46.34603893889171,
  "summary_bg_mean": 392.846923828125,
  "summary_bg_median": 42.80958938598633,
  "summary_bg_n": 160026.0,
  "summary_bg_p05": 3.625675320625305,
  "summary_bg_p95": 2039.8649291992188,
  "summary_bg_stdv": 1177.9365234375,
  "summary_fg_k": 1.4943320127472628,
  "summary_fg_mad": 2360.244817711758,
  "summary_fg_mean": 17343.080078125,
  "summary_fg_median": 17228.37109375,
  "summary_fg_n": 30607.0,
  "summary_fg_p05": 13483.88076171875,
  "summary_fg_p95": 21587.16640625,
  "summary_fg_stdv": 2534.93603515625,
  "tsnr": 39.44610595703125
}