{
  "aor": 0.002664074074074074,
  "aqi": 0.004297119777777778,
  "bids_meta": {
    "AcquisitionNumber": 5,
    "BidsifyVersion": "0.3.5",
    "ConversionSoftware": "dcm2niix",
    "ConversionSoftwareVersion": "v1.0.20181125  GCC6.3.0",
    "EchoTime": 0.02762,
    "EffectiveEchoSpacing": 0.0006621159151938905,
    "ImageComments": "piop",
    "ImageOrientationPatientDICOM": [
      0.998115,
      -0.0361847,
      -0.0495707,
      0.0128918,
      0.913296,
      -0.407092
    ],
    "Manufacturer": "Philips",
    "NumberOfVolumesDiscardedByScanner": 2,
    "ParallelAcquisitionTechnique": "SENSE",
    "ParallelReductionFactorInPlane": 2,
    "PatientPosition": "HFS",
    "PhaseEncodingDirection": "j",
    "PhilipsRescaleIntercept": 0,
    "PhilipsRescaleSlope": 0.81001,
    "PhilipsScaleSlope": 0.0647679,
    "ProtocolName": "WIPpiopharririSENSE",
    "PulseSequenceType": "gradient echo EPI",
    "ReconMatrixPE": 80,
    "RepetitionTime": 2,
    "SeriesDescription": "ImageMRSERIES",
    "SeriesNumber": 5,
    "SliceEncodingDirection": "k",
    "SliceTiming": [
      0.0,
      0.0541,
      0.1081,
      0.1622,
      0.2162,
      0.2703,
      0.3243,
      0.3784,
      0.4324,
      0.4865,
      0.5405,
      0.5946,
      0.6486,
      0.7027,
      0.7568,
      0.8108,
      0.8649,
      0.9189,
      0.973,
      1.027,
      1.0811,
      1.1351,
      1.1892,
      1.2432,
      1.2973,
      1.3514,
      1.4054,
      1.4595,
      1.5135,
      1.5676,
      1.6216,
      1.6757,
      1.7297,
      1.7838,
      1.8378,
      1.8919,
      1.9459
    ],
    "TaskName": "emomatching",
    "TotalReadoutTime": 0.025822520692561732,
    "UsePhilipsFloatNotDisplayScaling": 1,
    "acq_id": "seq",
    "dataset": "ds002785",
    "modality": "bold",
    "subject_id": "0113",
    "task_id": "emomatching"
  },
  "dummy_trs": 0,
  "dvars_nstd": 24.46479878440298,
  "dvars_std": 1.3910941640298506,
  "dvars_vstd": 1.0299823669402983,
  "efc": 0.40029465215922977,
  "fber": 166112.59375,
  "fd_mean": 0.14071653048206753,
  "fd_num": 21,
  "fd_perc": 15.555555555555555,
  "fwhm_avg": 1.8197167760368165,
  "fwhm_x": 1.7781966666666669,
  "fwhm_y": 1.9452566666666666,
  "fwhm_z": 1.735696994777116,
  "gcor": 0.0103033,
  "gsr_x": -0.023130403831601143,
  "gsr_y": 0.011349253356456757,
  "provenance": {
    "md5sum": "14e45d50fa10bc1364433eaddc8aa9b9",
    "settings": {
      "fd_thres": 0.2,
      "testing": false
    },
    "software": "mriqc",
    "version": "22.0.0rc1",
    "webapi_port": null,
    "webapi_url": "https://mriqc.nimh.nih.gov/api/v1"
  },
  "size_t": 135,
  "size_x": 80,
  "size_y": 80,
  "size_z": 37,
  "snr": 5.641099345700976,
  "spacing_tr": 2.0,
  "spacing_x": 3.0,
  "spacing_y": 3.0,
  "spacing_z": 3.299999952316284,
  "summary_bg_k": 69.381044818539,
  "summary_bg_mad": 55.57274486734141,
  "summary_bg_mean": 499.4691162109375,
  "summary_bg_median": 54.57379913330078,
  "summary_bg_n": 165630.0,
  "summary_bg_p05": 4.580550575256348,
  "summary_bg_p95": 2589.617297363274,
  "summary_bg_stdv": 1595.543212890625,
  "summary_fg_k": 2.205347853162439,
  "summary_fg_mad": 3718.1520816601565,
  "summary_fg_mean": 23176.140625,
  "summary_fg_median": 22762.59375,
  "summary_fg_n": 30801.0,
  "summary_fg_p05": 17583.00390625,
  "summary_fg_p95": 29977.71875,
  "summary_fg_stdv": 4035.06884765625,
  "tsnr": 81.2386245727539
}