{
  "aor": 0.00048925,
  "aqi": 0.0043209860499999996,
  "bids_meta": {
    "AcquisitionNumber": 9,
    "BidsifyVersion": "0.3.5",
    "ConversionSoftware": "dcm2niix",
    "ConversionSoftwareVersion": "v1.0.20181125  GCC6.3.0",
    "EchoTime": 0.02762,
    "EffectiveEchoSpacing": 0.0006621159151938905,
    "ImageComments": "piop",
    "ImageOrientationPatientDICOM": [
      0.998115,
      -0.0361847,
      -0.0495707,
      0.0128918,
      0.913296,
      -0.407092
    ],
    "Manufacturer": "Philips",
    "NumberOfVolumesDiscardedByScanner": 2,
    "ParallelAcquisitionTechnique": "SENSE",
    "ParallelReductionFactorInPlane": 2,
    "PatientPosition": "HFS",
    "PhaseEncodingDirection": "j",
    "PhilipsRescaleIntercept": 0,
    "PhilipsRescaleSlope": 0.88889,
    "PhilipsScaleSlope": 0.0584338,
    "ProtocolName": "WIPpiopanticipatieSENSE",
    "PulseSequenceType": "gradient echo EPI",
    "ReconMatrixPE": 80,
    "RepetitionTime": 2,
    "SeriesDescription": "ImageMRSERIES",
    "SeriesNumber": 9,
    "SliceEncodingDirection": "k",
    "SliceTiming": [
      0.0,
      0.0541,
      0.1081,
      0.1622,
      0.2162,
      0.2703,
      0.3243,
      0.3784,
      0.4324,
      0.4865,
      0.5405,
      0.5946,
      0.6486,
      0.7027,
      0.7568,
      0.8108,
      0.8649,
      0.9189,
      0.973,
      1.027,
      1.0811,
      1.1351,
      1.1892,
      1.2432,
      1.2973,
      1.3514,
      1.4054,
      1.4595,
      1.5135,
      1.5676,
      1.6216,
      1.6757,
      1.7297,
      1.7838,
      1.8378,
      1.8919,
      1.9459
    ],
    "TaskName": "anticipation",
    "TotalReadoutTime": 0.025822520692561732,
    "UsePhilipsFloatNotDisplayScaling": 1,
    "acq_id": "seq",
    "dataset": "ds002785",
    "modality": "bold",
    "subject_id": "0113",
    "task_id": "anticipation"
  },
  "dummy_trs": 0,
  "dvars_nstd": 22.93630008100502,
  "dvars_std": 1.2565961550251257,
  "dvars_vstd": 0.986636622512563,
  "efc": 0.4005021054955818,
  "fber": 175014.015625,
  "fd_mean": 0.16405546032972498,
  "fd_num": 57,
  "fd_perc": 28.5,
  "fwhm_avg": 1.7854627355407215,
  "fwhm_x": 1.73647,
  "fwhm_y": 1.9033333333333333,
  "fwhm_z": 1.7165848732888318,
  "gcor": 0.0247873,
  "gsr_x": -0.02293134666979313,
  "gsr_y": 0.012202007696032524,
  "provenance": {
    "md5sum": "264621c32ac2e81551b8db112fa6a967",
    "settings": {
      "fd_thres": 0.2,
      "testing": false
    },
    "software": "mriqc",
    "version": "22.0.0rc1",
    "webapi_port": null,
    "webapi_url": "https://mriqc.nimh.nih.gov/api/v1"
  },
  "size_t": 200,
  "size_x": 80,
  "size_y": 80,
  "size_z": 37,
  "snr": 5.776856771625542,
  "spacing_tr": 2.0,
  "spacing_x": 3.0,
  "spacing_y": 3.0,
  "spacing_z": 3.299999952316284,
  "summary_bg_k": 69.05830247553928,
  "summary_bg_mad": 49.49969836437741,
  "summary_bg_mean": 489.66217041015625,
  "summary_bg_median": 52.34510040283203,
  "summary_bg_n": 165677.0,
  "summary_bg_p05": 4.997675895690918,
  "summary_bg_p95": 2603.1270996093726,
  "summary_bg_stdv": 1555.708740234375,
  "summary_fg_k": 2.4678724188125623,
  "summary_fg_mad": 3556.8177406366412,
  "summary_fg_mean": 22760.62109375,
  "summary_fg_median": 22378.6953125,
  "summary_fg_n": 30767.0,
  "summary_fg_p05": 17384.43984375,
  "summary_fg_p95": 29178.222656249993,
  "summary_fg_stdv": 3873.790283203125,
  "tsnr": 82.32471466064453
}