{
  "aor": 0.0008884444444444446,
  "aqi": 0.002660843925925926,
  "bids_meta": {
    "AcquisitionNumber": 5,
    "BidsifyVersion": "0.3.5",
    "ConversionSoftware": "dcm2niix",
    "ConversionSoftwareVersion": "v1.0.20181125  GCC6.3.0",
    "EchoTime": 0.02762,
    "EffectiveEchoSpacing": 0.0006621159151938905,
    "ImageComments": "piop",
    "ImageOrientationPatientDICOM": [
      0.998722,
      -0.0308156,
      0.0400629,
      0.0378433,
      0.98133,
      -0.188571
    ],
    "Manufacturer": "Philips",
    "NumberOfVolumesDiscardedByScanner": 2,
    "ParallelAcquisitionTechnique": "SENSE",
    "ParallelReductionFactorInPlane": 2,
    "PatientPosition": "HFS",
    "PhaseEncodingDirection": "j",
    "PhilipsRescaleIntercept": 0,
    "PhilipsRescaleSlope": 0.82247,
    "PhilipsScaleSlope": 0.0615605,
    "ProtocolName": "WIPpiopharririSENSE",
    "PulseSequenceType": "gradient echo EPI",
    "ReconMatrixPE": 80,
    "RepetitionTime": 2,
    "SeriesDescription": "ImageMRSERIES",
    "SeriesNumber": 5,
    "SliceEncodingDirection": "k",
    "SliceTiming": [
      0.0,
      0.0541,
      0.1081,
      0.1622,
      0.2162,
      0.2703,
      0.3243,
      0.3784,
      0.4324,
      0.4865,
      0.5405,
      0.5946,
      0.6486,
      0.7027,
      0.7568,
      0.8108,
      0.8649,
      0.9189,
      0.973,
      1.027,
      1.0811,
      1.1351,
      1.1892,
      1.2432,
      1.2973,
      1.3514,
      1.4054,
      1.4595,
      1.5135,
      1.5676,
      1.6216,
      1.6757,
      1.7297,
      1.7838,
      1.8378,
      1.8919,
      1.9459
    ],
    "TaskName": "emomatching",
    "TotalReadoutTime": 0.025822520692561732,
    "UsePhilipsFloatNotDisplayScaling": 1,
    "acq_id": "seq",
    "dataset": "ds002785",
    "modality": "bold",
    "subject_id": "0029",
    "task_id": "emomatching"
  },
  "dummy_trs": 0,
  "dvars_nstd": 27.185575314850755,
  "dvars_std": 1.4618149014925377,
  "dvars_vstd": 1.0119155007462686,
  "efc": 0.41820046571924113,
  "fber": 198739.921875,
  "fd_mean": 0.10447571647724434,
  "fd_num": 6,
  "fd_perc": 4.444444444444445,
  "fwhm_avg": 1.7557872808170412,
  "fwhm_x": 1.6888533333333333,
  "fwhm_y": 1.8989266666666669,
  "fwhm_z": 1.6795818424511224,
  "gcor": 0.0145325,
  "gsr_x": -0.024968471378087997,
  "gsr_y": 0.018193954601883888,
  "provenance": {
    "md5sum": "95c4bcf487251f5bfdb30a3107119f93",
    "settings": {
      "fd_thres": 0.2,
      "testing": false
    },
    "software": "mriqc",
    "version": "22.0.0rc1",
    "webapi_port": null,
    "webapi_url": "https://mriqc.nimh.nih.gov/api/v1"
  },
  "size_t": 135,
  "size_x": 80,
  "size_y": 80,
  "size_z": 37,
  "snr": 5.025384551864657,
  "spacing_tr": 2.0,
  "spacing_x": 3.0,
  "spacing_y": 3.0,
  "spacing_z": 3.299999952316284,
  "summary_bg_k": 73.84657114757673,
  "summary_bg_mad": 51.77448441884076,
  "summary_bg_mean": 513.315673828125,
  "summary_bg_median": 48.25532531738281,
  "summary_bg_n": 161516.0,
  "summary_bg_p05": 1.0213938653469086,
  "summary_bg_p95": 2762.9541625976562,
  "summary_bg_stdv": 1596.523681640625,
  "summary_fg_k": 1.652309474336139,
  "summary_fg_mad": 4295.098627010729,
  "summary_fg_mean": 22482.328125,
  "summary_fg_median": 22061.001953125,
  "summary_fg_n": 34257.0,
  "summary_fg_p05": 16316.7125,
  "summary_fg_p95": 29613.60546875,
  "summary_fg_stdv": 4389.84912109375,
  "tsnr": 92.66909790039062
}