{
  "aor": 0.0038291111111111113,
  "aqi": 0.006253196074074075,
  "bids_meta": {
    "AcquisitionNumber": 5,
    "BidsifyVersion": "0.3.5",
    "ConversionSoftware": "dcm2niix",
    "ConversionSoftwareVersion": "v1.0.20181125  GCC6.3.0",
    "EchoTime": 0.02762,
    "EffectiveEchoSpacing": 0.0006621159151938905,
    "ImageComments": "PIOP",
    "ImageOrientationPatientDICOM": [
      0.998794,
      0.0459174,
      -0.0173574,
      -0.0478008,
      0.990222,
      -0.131057
    ],
    "Manufacturer": "Philips",
    "NumberOfVolumesDiscardedByScanner": 2,
    "ParallelAcquisitionTechnique": "SENSE",
    "ParallelReductionFactorInPlane": 2,
    "PatientPosition": "HFS",
    "PhaseEncodingDirection": "j",
    "PhilipsRescaleIntercept": 0,
    "PhilipsRescaleSlope": 0.8381,
    "PhilipsScaleSlope": 0.0565804,
    "ProtocolName": "WIPpiopharririSENSE",
    "PulseSequenceType": "gradient echo EPI",
    "ReconMatrixPE": 80,
    "RepetitionTime": 2,
    "SeriesDescription": "ImageMRSERIES",
    "SeriesNumber": 5,
    "SliceEncodingDirection": "k",
    "SliceTiming": [
      0.0,
      0.0541,
      0.1081,
      0.1622,
      0.2162,
      0.2703,
      0.3243,
      0.3784,
      0.4324,
      0.4865,
      0.5405,
      0.5946,
      0.6486,
      0.7027,
      0.7568,
      0.8108,
      0.8649,
      0.9189,
      0.973,
      1.027,
      1.0811,
      1.1351,
      1.1892,
      1.2432,
      1.2973,
      1.3514,
      1.4054,
      1.4595,
      1.5135,
      1.5676,
      1.6216,
      1.6757,
      1.7297,
      1.7838,
      1.8378,
      1.8919,
      1.9459
    ],
    "TaskName": "emomatching",
    "TotalReadoutTime": 0.025822520692561732,
    "UsePhilipsFloatNotDisplayScaling": 1,
    "acq_id": "seq",
    "dataset": "ds002785",
    "modality": "bold",
    "subject_id": "0159",
    "task_id": "emomatching"
  },
  "dummy_trs": 0,
  "dvars_nstd": 23.7824365055224,
  "dvars_std": 1.2613181193283576,
  "dvars_vstd": 1.0212179992537311,
  "efc": 0.41787304864979047,
  "fber": 155491.34375,
  "fd_mean": 0.17903427542658953,
  "fd_num": 31,
  "fd_perc": 22.962962962962962,
  "fwhm_avg": 1.7927926345633878,
  "fwhm_x": 1.72705,
  "fwhm_y": 1.9279400000000002,
  "fwhm_z": 1.7233879036901631,
  "gcor": 0.0262599,
  "gsr_x": -0.018631361424922943,
  "gsr_y": 0.015240496955811977,
  "provenance": {
    "md5sum": "1eda896aeed41c329e929edb08533536",
    "settings": {
      "fd_thres": 0.2,
      "testing": false
    },
    "software": "mriqc",
    "version": "22.0.0rc1",
    "webapi_port": null,
    "webapi_url": "https://mriqc.nimh.nih.gov/api/v1"
  },
  "size_t": 135,
  "size_x": 80,
  "size_y": 80,
  "size_z": 37,
  "snr": 5.878290677074317,
  "spacing_tr": 2.0,
  "spacing_x": 3.0,
  "spacing_y": 3.0,
  "spacing_z": 3.299999952316284,
  "summary_bg_k": 80.55033526811964,
  "summary_bg_mad": 66.62052629232358,
  "summary_bg_mean": 552.8338012695312,
  "summary_bg_median": 63.12968444824219,
  "summary_bg_n": 161548.0,
  "summary_bg_p05": 5.47578718662262,
  "summary_bg_p95": 2782.265686035155,
  "summary_bg_stdv": 1662.10302734375,
  "summary_fg_k": 1.0308371975833737,
  "summary_fg_mad": 4287.59874469446,
  "summary_fg_mean": 25789.087890625,
  "summary_fg_median": 25580.03125,
  "summary_fg_n": 34479.0,
  "summary_fg_p05": 19119.8369140625,
  "summary_fg_p95": 32872.9171875,
  "summary_fg_stdv": 4351.54736328125,
  "tsnr": 71.33882904052734
}