{
  "aor": 0.00864962962962963,
  "aqi": 0.021447295555555555,
  "bids_meta": {
    "AcquisitionNumber": 8,
    "BidsifyVersion": "0.3.5",
    "ConversionSoftware": "dcm2niix",
    "ConversionSoftwareVersion": "v1.0.20181125  GCC6.3.0",
    "EchoTime": 0.02762,
    "EffectiveEchoSpacing": 0.0006621159151938905,
    "ImageComments": "Piop",
    "ImageOrientationPatientDICOM": [
      0.998737,
      0.0375608,
      0.0333607,
      -0.0367966,
      0.999053,
      -0.0232334
    ],
    "Manufacturer": "Philips",
    "NumberOfVolumesDiscardedByScanner": 2,
    "ParallelAcquisitionTechnique": "SENSE",
    "ParallelReductionFactorInPlane": 2,
    "PatientPosition": "HFS",
    "PhaseEncodingDirection": "j",
    "PhilipsRescaleIntercept": 0,
    "PhilipsRescaleSlope": 0.82247,
    "PhilipsScaleSlope": 0.0498406,
    "ProtocolName": "WIPpiopwmSENSE",
    "PulseSequenceType": "gradient echo EPI",
    "ReconMatrixPE": 80,
    "RepetitionTime": 2,
    "SeriesDescription": "ImageMRSERIES",
    "SeriesNumber": 8,
    "SliceEncodingDirection": "k",
    "SliceTiming": [
      0.0,
      0.0541,
      0.1081,
      0.1622,
      0.2162,
      0.2703,
      0.3243,
      0.3784,
      0.4324,
      0.4865,
      0.5405,
      0.5946,
      0.6486,
      0.7027,
      0.7568,
      0.8108,
      0.8649,
      0.9189,
      0.973,
      1.027,
      1.0811,
      1.1351,
      1.1892,
      1.2432,
      1.2973,
      1.3514,
      1.4054,
      1.4595,
      1.5135,
      1.5676,
      1.6216,
      1.6757,
      1.7297,
      1.7838,
      1.8378,
      1.8919,
      1.9459
    ],
    "TaskName": "workingmemory",
    "TotalReadoutTime": 0.025822520692561732,
    "UsePhilipsFloatNotDisplayScaling": 1,
    "acq_id": "seq",
    "dataset": "ds002785",
    "modality": "bold",
    "subject_id": "0149",
    "task_id": "workingmemory"
  },
  "dummy_trs": 0,
  "dvars_nstd": 32.94555597695651,
  "dvars_std": 1.084034401490683,
  "dvars_vstd": 0.9404535177018635,
  "efc": 0.44940928021805615,
  "fber": 118371.375,
  "fd_mean": 0.3685690168300058,
  "fd_num": 72,
  "fd_perc": 44.44444444444444,
  "fwhm_avg": 1.8323474829165258,
  "fwhm_x": 1.7862766666666667,
  "fwhm_y": 2.0147233333333334,
  "fwhm_z": 1.6960424487495775,
  "gcor": 0.0164259,
  "gsr_x": -0.018215376883745193,
  "gsr_y": 0.02671702764928341,
  "provenance": {
    "md5sum": "aada8820c0a63d2bfe7e588efa9eace6",
    "settings": {
      "fd_thres": 0.2,
      "testing": false
    },
    "software": "mriqc",
    "version": "22.0.0rc1",
    "webapi_port": null,
    "webapi_url": "https://mriqc.nimh.nih.gov/api/v1"
  },
  "size_t": 162,
  "size_x": 80,
  "size_y": 80,
  "size_z": 37,
  "snr": 5.7500709259950025,
  "spacing_tr": 2.0,
  "spacing_x": 3.0,
  "spacing_y": 3.0,
  "spacing_z": 3.299999952316284,
  "summary_bg_k": 55.764641970472375,
  "summary_bg_mad": 91.62360565728387,
  "summary_bg_mean": 856.9243774414062,
  "summary_bg_median": 80.47145080566406,
  "summary_bg_n": 156739.0,
  "summary_bg_p05": 7.967616701126099,
  "summary_bg_p95": 4275.56708984375,
  "summary_bg_stdv": 2289.029052734375,
  "summary_fg_k": 2.9811122121003146,
  "summary_fg_mad": 4507.797026924581,
  "summary_fg_mean": 29283.62890625,
  "summary_fg_median": 28886.978515625,
  "summary_fg_n": 37753.0,
  "summary_fg_p05": 22021.631250000002,
  "summary_fg_p95": 37424.8609375,
  "summary_fg_stdv": 5023.69384765625,
  "tsnr": 40.38490295410156
}