{
  "aor": 0.005420775510204081,
  "aqi": 0.010431465877551022,
  "bids_meta": {
    "AcquisitionNumber": 3,
    "BidsifyVersion": "0.3.5",
    "ConversionSoftware": "dcm2niix",
    "ConversionSoftwareVersion": "v1.0.20181125  GCC6.3.0",
    "EchoTime": 0.02762,
    "EffectiveEchoSpacing": 0.0006621159151938905,
    "ImageComments": "Piop",
    "ImageOrientationPatientDICOM": [
      0.998737,
      0.0375608,
      0.0333607,
      -0.0367966,
      0.999053,
      -0.0232334
    ],
    "Manufacturer": "Philips",
    "NumberOfVolumesDiscardedByScanner": 2,
    "ParallelAcquisitionTechnique": "SENSE",
    "ParallelReductionFactorInPlane": 2,
    "PatientPosition": "HFS",
    "PhaseEncodingDirection": "j",
    "PhilipsRescaleIntercept": 0,
    "PhilipsRescaleSlope": 0.82808,
    "PhilipsScaleSlope": 0.0493237,
    "ProtocolName": "WIPpiopgstroopSENSE",
    "PulseSequenceType": "gradient echo EPI",
    "ReconMatrixPE": 80,
    "RepetitionTime": 2,
    "SeriesDescription": "ImageMRSERIES",
    "SeriesNumber": 3,
    "SliceEncodingDirection": "k",
    "SliceTiming": [
      0.0,
      0.0541,
      0.1081,
      0.1622,
      0.2162,
      0.2703,
      0.3243,
      0.3784,
      0.4324,
      0.4865,
      0.5405,
      0.5946,
      0.6486,
      0.7027,
      0.7568,
      0.8108,
      0.8649,
      0.9189,
      0.973,
      1.027,
      1.0811,
      1.1351,
      1.1892,
      1.2432,
      1.2973,
      1.3514,
      1.4054,
      1.4595,
      1.5135,
      1.5676,
      1.6216,
      1.6757,
      1.7297,
      1.7838,
      1.8378,
      1.8919,
      1.9459
    ],
    "TaskName": "gstroop",
    "TotalReadoutTime": 0.025822520692561732,
    "UsePhilipsFloatNotDisplayScaling": 1,
    "acq_id": "seq",
    "dataset": "ds002785",
    "modality": "bold",
    "subject_id": "0149",
    "task_id": "gstroop"
  },
  "dummy_trs": 0,
  "dvars_nstd": 26.29315670979508,
  "dvars_std": 1.2698700889344259,
  "dvars_vstd": 0.9991462272540987,
  "efc": 0.44576037995780743,
  "fber": 120966.8828125,
  "fd_mean": 0.2492002232570072,
  "fd_num": 117,
  "fd_perc": 47.755102040816325,
  "fwhm_avg": 1.812188088922136,
  "fwhm_x": 1.7637766666666668,
  "fwhm_y": 1.9881633333333333,
  "fwhm_z": 1.6846242667664075,
  "gcor": 0.0193027,
  "gsr_x": -0.016918228939175606,
  "gsr_y": 0.025107957422733307,
  "provenance": {
    "md5sum": "2f957e971e01a943ac83e437ddb777ae",
    "settings": {
      "fd_thres": 0.2,
      "testing": false
    },
    "software": "mriqc",
    "version": "22.0.0rc1",
    "webapi_port": null,
    "webapi_url": "https://mriqc.nimh.nih.gov/api/v1"
  },
  "size_t": 245,
  "size_x": 80,
  "size_y": 80,
  "size_z": 37,
  "snr": 5.768012851311663,
  "spacing_tr": 2.0,
  "spacing_x": 3.0,
  "spacing_y": 3.0,
  "spacing_z": 3.299999952316284,
  "summary_bg_k": 60.30518803819687,
  "summary_bg_mad": 92.70829129449295,
  "summary_bg_mean": 816.3821411132812,
  "summary_bg_median": 80.40303039550781,
  "summary_bg_n": 156977.0,
  "summary_bg_p05": 6.438528823852539,
  "summary_bg_p95": 4028.8257324218653,
  "summary_bg_stdv": 2260.462158203125,
  "summary_fg_k": 3.1130350310060386,
  "summary_fg_mad": 4503.520067009086,
  "summary_fg_mean": 29447.134765625,
  "summary_fg_median": 29064.556640625,
  "summary_fg_n": 37491.0,
  "summary_fg_p05": 22173.4248046875,
  "summary_fg_p95": 37570.111328125,
  "summary_fg_stdv": 5038.85302734375,
  "tsnr": 57.98035430908203
}