{
  "aor": 0.0018179000000000001,
  "aqi": 0.014253089399999998,
  "bids_meta": {
    "AcquisitionNumber": 9,
    "BidsifyVersion": "0.3.5",
    "ConversionSoftware": "dcm2niix",
    "ConversionSoftwareVersion": "v1.0.20181125  GCC6.3.0",
    "EchoTime": 0.02762,
    "EffectiveEchoSpacing": 0.0006621159151938905,
    "ImageComments": "piop",
    "ImageOrientationPatientDICOM": [
      0.998043,
      0.00572084,
      -0.0622613,
      -0.0156785,
      0.986888,
      -0.160646
    ],
    "Manufacturer": "Philips",
    "NumberOfVolumesDiscardedByScanner": 2,
    "ParallelAcquisitionTechnique": "SENSE",
    "ParallelReductionFactorInPlane": 2,
    "PatientPosition": "HFS",
    "PhaseEncodingDirection": "j",
    "PhilipsRescaleIntercept": 0,
    "PhilipsRescaleSlope": 0.82613,
    "PhilipsScaleSlope": 0.0634832,
    "ProtocolName": "WIPpiopanticipatieSENSE",
    "PulseSequenceType": "gradient echo EPI",
    "ReconMatrixPE": 80,
    "RepetitionTime": 2,
    "SeriesDescription": "ImageMRSERIES",
    "SeriesNumber": 9,
    "SliceEncodingDirection": "k",
    "SliceTiming": [
      0.0,
      0.0541,
      0.1081,
      0.1622,
      0.2162,
      0.2703,
      0.3243,
      0.3784,
      0.4324,
      0.4865,
      0.5405,
      0.5946,
      0.6486,
      0.7027,
      0.7568,
      0.8108,
      0.8649,
      0.9189,
      0.973,
      1.027,
      1.0811,
      1.1351,
      1.1892,
      1.2432,
      1.2973,
      1.3514,
      1.4054,
      1.4595,
      1.5135,
      1.5676,
      1.6216,
      1.6757,
      1.7297,
      1.7838,
      1.8378,
      1.8919,
      1.9459
    ],
    "TaskName": "anticipation",
    "TotalReadoutTime": 0.025822520692561732,
    "UsePhilipsFloatNotDisplayScaling": 1,
    "acq_id": "seq",
    "dataset": "ds002785",
    "modality": "bold",
    "subject_id": "0105",
    "task_id": "anticipation"
  },
  "dummy_trs": 0,
  "dvars_nstd": 42.18958122412059,
  "dvars_std": 1.2077473185427139,
  "dvars_vstd": 0.9496092117085426,
  "efc": 0.42441648445863994,
  "fber": 180732.546875,
  "fd_mean": 0.5286862008203884,
  "fd_num": 180,
  "fd_perc": 90.0,
  "fwhm_avg": 1.7386229372055946,
  "fwhm_x": 1.7153166666666666,
  "fwhm_y": 1.85774,
  "fwhm_z": 1.6428121449501174,
  "gcor": 0.0264038,
  "gsr_x": -0.017444320023059845,
  "gsr_y": 0.0139175895601511,
  "provenance": {
    "md5sum": "a067c0a03ba2ff917edfb99510b6c22f",
    "settings": {
      "fd_thres": 0.2,
      "testing": false
    },
    "software": "mriqc",
    "version": "22.0.0rc1",
    "webapi_port": null,
    "webapi_url": "https://mriqc.nimh.nih.gov/api/v1"
  },
  "size_t": 200,
  "size_x": 80,
  "size_y": 80,
  "size_z": 37,
  "snr": 5.372600150467585,
  "spacing_tr": 2.0,
  "spacing_x": 3.0,
  "spacing_y": 3.0,
  "spacing_z": 3.299999952316284,
  "summary_bg_k": 125.1616721639258,
  "summary_bg_mad": 58.139076913367795,
  "summary_bg_mean": 515.5309448242188,
  "summary_bg_median": 55.13570785522461,
  "summary_bg_n": 159331.0,
  "summary_bg_p05": 5.16623592376709,
  "summary_bg_p95": 2484.4322509765625,
  "summary_bg_stdv": 1723.9183349609375,
  "summary_fg_k": 1.985196489578656,
  "summary_fg_mad": 4182.8494231080895,
  "summary_fg_mean": 24418.75,
  "summary_fg_median": 23991.99609375,
  "summary_fg_n": 36057.0,
  "summary_fg_p05": 18016.871484375,
  "summary_fg_p95": 31854.61328124999,
  "summary_fg_stdv": 4465.55908203125,
  "tsnr": 49.4512825012207
}