{
  "aor": 0.0006938702928870294,
  "aqi": 0.012141585020920503,
  "bids_meta": {
    "AcquisitionNumber": 6,
    "BidsifyVersion": "0.3.5",
    "ConversionSoftware": "dcm2niix",
    "ConversionSoftwareVersion": "v1.0.20181125  GCC6.3.0",
    "EchoTime": 0.02762,
    "EffectiveEchoSpacing": 0.0006333282667071997,
    "ImageComments": "piop",
    "ImageOrientationPatientDICOM": [
      0.997715,
      -0.026406,
      -0.0621825,
      0.01219,
      0.975705,
      -0.218749
    ],
    "Manufacturer": "Philips",
    "NumberOfVolumesDiscardedByScanner": 2,
    "ParallelAcquisitionTechnique": "SENSE",
    "ParallelReductionFactorInPlane": 2,
    "PatientPosition": "HFS",
    "PhaseEncodingDirection": "j",
    "PhilipsRescaleIntercept": 0,
    "PhilipsRescaleSlope": 0.85836,
    "PhilipsScaleSlope": 0.0873042,
    "ProtocolName": "WIPpioprsSENSE",
    "PulseSequenceType": "gradient echo EPI",
    "ReconMatrixPE": 80,
    "RepetitionTime": 0.75,
    "SeriesDescription": "ImageMRSERIES",
    "SeriesNumber": 6,
    "SliceEncodingDirection": "k",
    "SliceTiming": [
      0.0,
      0.06755050505050506,
      0.1351010101010101,
      0.20265151515151517,
      0.2702020202020202,
      0.3377525252525253,
      0.40530303030303033,
      0.47285353535353536,
      0.5404040404040404,
      0.6079545454545455,
      0.6755050505050506,
      0.7430555555555556,
      0.0,
      0.06755050505050506,
      0.1351010101010101,
      0.20265151515151517,
      0.2702020202020202,
      0.3377525252525253,
      0.40530303030303033,
      0.47285353535353536,
      0.5404040404040404,
      0.6079545454545455,
      0.6755050505050506,
      0.7430555555555556,
      0.0,
      0.06755050505050506,
      0.1351010101010101,
      0.20265151515151517,
      0.2702020202020202,
      0.3377525252525253,
      0.40530303030303033,
      0.47285353535353536,
      0.5404040404040404,
      0.6079545454545455,
      0.6755050505050506,
      0.7430555555555556
    ],
    "TaskName": "restingstate",
    "TotalReadoutTime": 0.024699802401580786,
    "UsePhilipsFloatNotDisplayScaling": 1,
    "acq_id": "mb3",
    "dataset": "ds002785",
    "modality": "bold",
    "subject_id": "0105",
    "task_id": "restingstate"
  },
  "dummy_trs": 2,
  "dvars_nstd": 27.608600464402485,
  "dvars_std": 1.1119221429769381,
  "dvars_vstd": 1.0010690322431874,
  "efc": 0.4303899129902511,
  "fber": 170671.796875,
  "fd_mean": 0.17742902904380667,
  "fd_num": 178,
  "fd_perc": 37.23849372384937,
  "fwhm_avg": 1.734091409463547,
  "fwhm_x": 1.7143233333333334,
  "fwhm_y": 1.8547901474054773,
  "fwhm_z": 1.6331607476518297,
  "gcor": 0.0307109,
  "gsr_x": -0.018918529152870178,
  "gsr_y": 0.011928102001547813,
  "provenance": {
    "md5sum": "fb33c85dbd70e8c4a445885c3e5be9d9",
    "settings": {
      "fd_thres": 0.2,
      "testing": false
    },
    "software": "mriqc",
    "version": "22.0.0rc1",
    "webapi_port": null,
    "webapi_url": "https://mriqc.nimh.nih.gov/api/v1"
  },
  "size_t": 478,
  "size_x": 80,
  "size_y": 80,
  "size_z": 36,
  "snr": 6.883861659375573,
  "spacing_tr": 0.75,
  "spacing_x": 3.0,
  "spacing_y": 2.999999761581421,
  "spacing_z": 3.299999713897705,
  "summary_bg_k": 90.05441339948264,
  "summary_bg_mad": 47.50399318577891,
  "summary_bg_mean": 406.814453125,
  "summary_bg_median": 44.171119689941406,
  "summary_bg_n": 154156.0,
  "summary_bg_p05": 3.233037829399109,
  "summary_bg_p95": 1930.0646362304688,
  "summary_bg_stdv": 1322.293212890625,
  "summary_fg_k": 1.5923658984247728,
  "summary_fg_mad": 2556.2610469599636,
  "summary_fg_mean": 18630.904296875,
  "summary_fg_median": 18583.412109375,
  "summary_fg_n": 35349.0,
  "summary_fg_p05": 14414.0708984375,
  "summary_fg_p95": 22988.3578125,
  "summary_fg_stdv": 2699.52392578125,
  "tsnr": 49.96200180053711
}