{
  "aor": 0.0029150370370370367,
  "aqi": 0.007007102888888889,
  "bids_meta": {
    "AcquisitionNumber": 5,
    "BidsifyVersion": "0.3.5",
    "ConversionSoftware": "dcm2niix",
    "ConversionSoftwareVersion": "v1.0.20181125  GCC6.3.0",
    "EchoTime": 0.02762,
    "EffectiveEchoSpacing": 0.0006621159151938905,
    "ImageComments": "piop",
    "ImageOrientationPatientDICOM": [
      0.998028,
      0.00603218,
      -0.0624741,
      -0.0195116,
      0.975871,
      -0.217475
    ],
    "Manufacturer": "Philips",
    "NumberOfVolumesDiscardedByScanner": 2,
    "ParallelAcquisitionTechnique": "SENSE",
    "ParallelReductionFactorInPlane": 2,
    "PatientPosition": "HFS",
    "PhaseEncodingDirection": "j",
    "PhilipsRescaleIntercept": 0,
    "PhilipsRescaleSlope": 0.83077,
    "PhilipsScaleSlope": 0.0602117,
    "ProtocolName": "WIPpiopharririSENSE",
    "PulseSequenceType": "gradient echo EPI",
    "ReconMatrixPE": 80,
    "RepetitionTime": 2,
    "SeriesDescription": "ImageMRSERIES",
    "SeriesNumber": 5,
    "SliceEncodingDirection": "k",
    "SliceTiming": [
      0.0,
      0.0541,
      0.1081,
      0.1622,
      0.2162,
      0.2703,
      0.3243,
      0.3784,
      0.4324,
      0.4865,
      0.5405,
      0.5946,
      0.6486,
      0.7027,
      0.7568,
      0.8108,
      0.8649,
      0.9189,
      0.973,
      1.027,
      1.0811,
      1.1351,
      1.1892,
      1.2432,
      1.2973,
      1.3514,
      1.4054,
      1.4595,
      1.5135,
      1.5676,
      1.6216,
      1.6757,
      1.7297,
      1.7838,
      1.8378,
      1.8919,
      1.9459
    ],
    "TaskName": "emomatching",
    "TotalReadoutTime": 0.025822520692561732,
    "UsePhilipsFloatNotDisplayScaling": 1,
    "acq_id": "seq",
    "dataset": "ds002785",
    "modality": "bold",
    "subject_id": "0105",
    "task_id": "emomatching"
  },
  "dummy_trs": 0,
  "dvars_nstd": 30.971968978208963,
  "dvars_std": 1.2469754597014917,
  "dvars_vstd": 1.002448069701492,
  "efc": 0.42218833751461576,
  "fber": 171257.484375,
  "fd_mean": 0.33723993963498006,
  "fd_num": 90,
  "fd_perc": 66.66666666666667,
  "fwhm_avg": 1.7263476612280886,
  "fwhm_x": 1.6806765330984963,
  "fwhm_y": 1.8368,
  "fwhm_z": 1.6615664505857692,
  "gcor": 0.0372064,
  "gsr_x": -0.016652703285217285,
  "gsr_y": 0.014534627087414265,
  "provenance": {
    "md5sum": "38cd98411d8e2c480d6499cdf09c7b9c",
    "settings": {
      "fd_thres": 0.2,
      "testing": false
    },
    "software": "mriqc",
    "version": "22.0.0rc1",
    "webapi_port": null,
    "webapi_url": "https://mriqc.nimh.nih.gov/api/v1"
  },
  "size_t": 135,
  "size_x": 80,
  "size_y": 80,
  "size_z": 37,
  "snr": 5.449375040174097,
  "spacing_tr": 2.0,
  "spacing_x": 3.000000238418579,
  "spacing_y": 3.0,
  "spacing_z": 3.3000004291534424,
  "summary_bg_k": 130.23809250751583,
  "summary_bg_mad": 60.494249956023616,
  "summary_bg_mean": 511.55535888671875,
  "summary_bg_median": 57.935428619384766,
  "summary_bg_n": 159369.0,
  "summary_bg_p05": 4.613572788238526,
  "summary_bg_p95": 2416.9830078125046,
  "summary_bg_stdv": 1775.366943359375,
  "summary_fg_k": 2.2375019680456054,
  "summary_fg_mad": 4243.572408502743,
  "summary_fg_mean": 24911.69921875,
  "summary_fg_median": 24486.255859375,
  "summary_fg_n": 35948.0,
  "summary_fg_p05": 18476.82099609375,
  "summary_fg_p95": 32355.3388671875,
  "summary_fg_stdv": 4493.34375,
  "tsnr": 66.19660949707031
}