{
  "aor": 0.0008114499999999999,
  "aqi": 0.0038480449000000004,
  "bids_meta": {
    "AcquisitionNumber": 9,
    "BidsifyVersion": "0.3.5",
    "ConversionSoftware": "dcm2niix",
    "ConversionSoftwareVersion": "v1.0.20181125  GCC6.3.0",
    "EchoTime": 0.02762,
    "EffectiveEchoSpacing": 0.0006621159151938905,
    "ImageComments": "piop",
    "ImageOrientationPatientDICOM": [
      0.998261,
      0.0495719,
      0.0319036,
      -0.0413159,
      0.974356,
      -0.221184
    ],
    "Manufacturer": "Philips",
    "NumberOfVolumesDiscardedByScanner": 2,
    "ParallelAcquisitionTechnique": "SENSE",
    "ParallelReductionFactorInPlane": 2,
    "PatientPosition": "HFS",
    "PhaseEncodingDirection": "j",
    "PhilipsRescaleIntercept": 0,
    "PhilipsRescaleSlope": 0.87741,
    "PhilipsScaleSlope": 0.0548711,
    "ProtocolName": "WIPpiopanticipatieSENSE",
    "PulseSequenceType": "gradient echo EPI",
    "ReconMatrixPE": 80,
    "RepetitionTime": 2,
    "SeriesDescription": "ImageMRSERIES",
    "SeriesNumber": 9,
    "SliceEncodingDirection": "k",
    "SliceTiming": [
      0.0,
      0.0541,
      0.1081,
      0.1622,
      0.2162,
      0.2703,
      0.3243,
      0.3784,
      0.4324,
      0.4865,
      0.5405,
      0.5946,
      0.6486,
      0.7027,
      0.7568,
      0.8108,
      0.8649,
      0.9189,
      0.973,
      1.027,
      1.0811,
      1.1351,
      1.1892,
      1.2432,
      1.2973,
      1.3514,
      1.4054,
      1.4595,
      1.5135,
      1.5676,
      1.6216,
      1.6757,
      1.7297,
      1.7838,
      1.8378,
      1.8919,
      1.9459
    ],
    "TaskName": "anticipation",
    "TotalReadoutTime": 0.025822520692561732,
    "UsePhilipsFloatNotDisplayScaling": 1,
    "acq_id": "seq",
    "dataset": "ds002785",
    "modality": "bold",
    "subject_id": "0027",
    "task_id": "anticipation"
  },
  "dummy_trs": 0,
  "dvars_nstd": 26.996961938341705,
  "dvars_std": 1.4738825198994967,
  "dvars_vstd": 1.0018511059799,
  "efc": 0.42272057269140484,
  "fber": 156613.5,
  "fd_mean": 0.11916366496037649,
  "fd_num": 15,
  "fd_perc": 7.5,
  "fwhm_avg": 1.8182129375999085,
  "fwhm_x": 1.7828233333333332,
  "fwhm_y": 1.9471366666666665,
  "fwhm_z": 1.7246788127997257,
  "gcor": 0.022673,
  "gsr_x": -0.026727113872766495,
  "gsr_y": 0.0190719123929739,
  "provenance": {
    "md5sum": "e2e3a5698dad3ce07a4c936627d5ee16",
    "settings": {
      "fd_thres": 0.2,
      "testing": false
    },
    "software": "mriqc",
    "version": "22.0.0rc1",
    "webapi_port": null,
    "webapi_url": "https://mriqc.nimh.nih.gov/api/v1"
  },
  "size_t": 200,
  "size_x": 80,
  "size_y": 80,
  "size_z": 37,
  "snr": 5.903962640240316,
  "spacing_tr": 2.0,
  "spacing_x": 3.0,
  "spacing_y": 3.0,
  "spacing_z": 3.299999952316284,
  "summary_bg_k": 27.771288007576253,
  "summary_bg_mad": 70.03675130511778,
  "summary_bg_mean": 724.6731567382812,
  "summary_bg_median": 63.79404830932617,
  "summary_bg_n": 162541.0,
  "summary_bg_p05": 4.045979022979736,
  "summary_bg_p95": 3942.0283203125,
  "summary_bg_stdv": 1996.9481201171875,
  "summary_fg_k": 1.573513443120901,
  "summary_fg_mad": 4174.260754787606,
  "summary_fg_mean": 25983.201171875,
  "summary_fg_median": 25697.73828125,
  "summary_fg_n": 32772.0,
  "summary_fg_p05": 19520.88115234375,
  "summary_fg_p95": 33247.4373046875,
  "summary_fg_stdv": 4352.55908203125,
  "tsnr": 86.34363555908203
}