{
  "aor": 0.0009282222222222222,
  "aqi": 0.003874183037037037,
  "bids_meta": {
    "AcquisitionNumber": 5,
    "BidsifyVersion": "0.3.5",
    "ConversionSoftware": "dcm2niix",
    "ConversionSoftwareVersion": "v1.0.20181125  GCC6.3.0",
    "EchoTime": 0.02762,
    "EffectiveEchoSpacing": 0.0006621159151938905,
    "ImageComments": "piop",
    "ImageOrientationPatientDICOM": [
      0.998261,
      0.0495719,
      0.0319036,
      -0.0413159,
      0.974356,
      -0.221184
    ],
    "Manufacturer": "Philips",
    "NumberOfVolumesDiscardedByScanner": 2,
    "ParallelAcquisitionTechnique": "SENSE",
    "ParallelReductionFactorInPlane": 2,
    "PatientPosition": "HFS",
    "PhaseEncodingDirection": "j",
    "PhilipsRescaleIntercept": 0,
    "PhilipsRescaleSlope": 0.85739,
    "PhilipsScaleSlope": 0.0557958,
    "ProtocolName": "WIPpiopharririSENSE",
    "PulseSequenceType": "gradient echo EPI",
    "ReconMatrixPE": 80,
    "RepetitionTime": 2,
    "SeriesDescription": "ImageMRSERIES",
    "SeriesNumber": 5,
    "SliceEncodingDirection": "k",
    "SliceTiming": [
      0.0,
      0.0541,
      0.1081,
      0.1622,
      0.2162,
      0.2703,
      0.3243,
      0.3784,
      0.4324,
      0.4865,
      0.5405,
      0.5946,
      0.6486,
      0.7027,
      0.7568,
      0.8108,
      0.8649,
      0.9189,
      0.973,
      1.027,
      1.0811,
      1.1351,
      1.1892,
      1.2432,
      1.2973,
      1.3514,
      1.4054,
      1.4595,
      1.5135,
      1.5676,
      1.6216,
      1.6757,
      1.7297,
      1.7838,
      1.8378,
      1.8919,
      1.9459
    ],
    "TaskName": "emomatching",
    "TotalReadoutTime": 0.025822520692561732,
    "UsePhilipsFloatNotDisplayScaling": 1,
    "acq_id": "seq",
    "dataset": "ds002785",
    "modality": "bold",
    "subject_id": "0027",
    "task_id": "emomatching"
  },
  "dummy_trs": 0,
  "dvars_nstd": 27.09181515186568,
  "dvars_std": 1.507195892686567,
  "dvars_vstd": 0.9984090176865673,
  "efc": 0.42060675414458853,
  "fber": 159623.71875,
  "fd_mean": 0.10468872824084555,
  "fd_num": 1,
  "fd_perc": 0.7407407407407407,
  "fwhm_avg": 1.8396433417210114,
  "fwhm_x": 1.8046366666666664,
  "fwhm_y": 1.97286,
  "fwhm_z": 1.7414333584963677,
  "gcor": 0.0216526,
  "gsr_x": -0.025926610454916954,
  "gsr_y": 0.019139841198921204,
  "provenance": {
    "md5sum": "d2ed550da63b88884ddaceb0e31224bf",
    "settings": {
      "fd_thres": 0.2,
      "testing": false
    },
    "software": "mriqc",
    "version": "22.0.0rc1",
    "webapi_port": null,
    "webapi_url": "https://mriqc.nimh.nih.gov/api/v1"
  },
  "size_t": 135,
  "size_x": 80,
  "size_y": 80,
  "size_z": 37,
  "snr": 5.762512276582236,
  "spacing_tr": 2.0,
  "spacing_x": 3.0,
  "spacing_y": 3.0,
  "spacing_z": 3.299999952316284,
  "summary_bg_k": 28.762774275263556,
  "summary_bg_mad": 70.58512307714076,
  "summary_bg_mean": 714.3312377929688,
  "summary_bg_median": 63.81435012817383,
  "summary_bg_n": 162620.0,
  "summary_bg_p05": 4.4098700284957895,
  "summary_bg_p95": 3843.9006835937294,
  "summary_bg_stdv": 1981.4820556640625,
  "summary_fg_k": 1.6070087414036696,
  "summary_fg_mad": 4324.03543163871,
  "summary_fg_mean": 26357.541015625,
  "summary_fg_median": 26014.1484375,
  "summary_fg_n": 32666.0,
  "summary_fg_p05": 19667.72802734375,
  "summary_fg_p95": 33943.404296875,
  "summary_fg_stdv": 4514.30712890625,
  "tsnr": 85.76932525634766
}