{
  "aor": 0.0019849382716049385,
  "aqi": 0.0059243841358024695,
  "bids_meta": {
    "AcquisitionNumber": 8,
    "BidsifyVersion": "0.3.5",
    "ConversionSoftware": "dcm2niix",
    "ConversionSoftwareVersion": "v1.0.20181125  GCC6.3.0",
    "EchoTime": 0.02762,
    "EffectiveEchoSpacing": 0.0006621159151938905,
    "ImageComments": "piop",
    "ImageOrientationPatientDICOM": [
      0.998261,
      0.0495719,
      0.0319036,
      -0.0413159,
      0.974356,
      -0.221184
    ],
    "Manufacturer": "Philips",
    "NumberOfVolumesDiscardedByScanner": 2,
    "ParallelAcquisitionTechnique": "SENSE",
    "ParallelReductionFactorInPlane": 2,
    "PatientPosition": "HFS",
    "PhaseEncodingDirection": "j",
    "PhilipsRescaleIntercept": 0,
    "PhilipsRescaleSlope": 0.86935,
    "PhilipsScaleSlope": 0.0552834,
    "ProtocolName": "WIPpiopwmSENSE",
    "PulseSequenceType": "gradient echo EPI",
    "ReconMatrixPE": 80,
    "RepetitionTime": 2,
    "SeriesDescription": "ImageMRSERIES",
    "SeriesNumber": 8,
    "SliceEncodingDirection": "k",
    "SliceTiming": [
      0.0,
      0.0541,
      0.1081,
      0.1622,
      0.2162,
      0.2703,
      0.3243,
      0.3784,
      0.4324,
      0.4865,
      0.5405,
      0.5946,
      0.6486,
      0.7027,
      0.7568,
      0.8108,
      0.8649,
      0.9189,
      0.973,
      1.027,
      1.0811,
      1.1351,
      1.1892,
      1.2432,
      1.2973,
      1.3514,
      1.4054,
      1.4595,
      1.5135,
      1.5676,
      1.6216,
      1.6757,
      1.7297,
      1.7838,
      1.8378,
      1.8919,
      1.9459
    ],
    "TaskName": "workingmemory",
    "TotalReadoutTime": 0.025822520692561732,
    "UsePhilipsFloatNotDisplayScaling": 1,
    "acq_id": "seq",
    "dataset": "ds002785",
    "modality": "bold",
    "subject_id": "0027",
    "task_id": "workingmemory"
  },
  "dummy_trs": 0,
  "dvars_nstd": 27.31898611086957,
  "dvars_std": 1.4895262829192553,
  "dvars_vstd": 0.9920000377639748,
  "efc": 0.42309136968461875,
  "fber": 153834.578125,
  "fd_mean": 0.10975967835583139,
  "fd_num": 8,
  "fd_perc": 4.938271604938271,
  "fwhm_avg": 1.822597584055856,
  "fwhm_x": 1.7958833333333333,
  "fwhm_y": 1.9490366666666665,
  "fwhm_z": 1.7228727521675682,
  "gcor": 0.0140176,
  "gsr_x": -0.026631496846675873,
  "gsr_y": 0.019201530143618584,
  "provenance": {
    "md5sum": "72d6013b0c1badf7e81700262c5a0a23",
    "settings": {
      "fd_thres": 0.2,
      "testing": false
    },
    "software": "mriqc",
    "version": "22.0.0rc1",
    "webapi_port": null,
    "webapi_url": "https://mriqc.nimh.nih.gov/api/v1"
  },
  "size_t": 162,
  "size_x": 80,
  "size_y": 80,
  "size_z": 37,
  "snr": 5.844985411232493,
  "spacing_tr": 2.0,
  "spacing_x": 3.0,
  "spacing_y": 3.0,
  "spacing_z": 3.299999952316284,
  "summary_bg_k": 28.27195602412725,
  "summary_bg_mad": 72.28277399199396,
  "summary_bg_mean": 728.966064453125,
  "summary_bg_median": 64.90767669677734,
  "summary_bg_n": 162445.0,
  "summary_bg_p05": 4.849120140075684,
  "summary_bg_p95": 3933.4062011718725,
  "summary_bg_stdv": 2003.6607666015625,
  "summary_fg_k": 1.3571822056851017,
  "summary_fg_mad": 4253.57418206274,
  "summary_fg_mean": 26172.587890625,
  "summary_fg_median": 25884.375,
  "summary_fg_n": 32877.0,
  "summary_fg_p05": 19548.807421875,
  "summary_fg_p95": 33588.839062499996,
  "summary_fg_stdv": 4428.408203125,
  "tsnr": 74.936279296875
}