{
  "aor": 0.00038214067278287466,
  "aqi": 0.006628074159021407,
  "bids_meta": {
    "AcquisitionNumber": 2,
    "BidsifyVersion": "0.3.5",
    "ConversionSoftware": "dcm2niix",
    "ConversionSoftwareVersion": "v1.0.20181125  GCC6.3.0",
    "EchoTime": 0.02762,
    "EffectiveEchoSpacing": 0.0006333282667071997,
    "ImageComments": "piop",
    "ImageOrientationPatientDICOM": [
      0.998261,
      0.0495719,
      0.0319036,
      -0.0413159,
      0.974356,
      -0.221184
    ],
    "Manufacturer": "Philips",
    "NumberOfVolumesDiscardedByScanner": 2,
    "ParallelAcquisitionTechnique": "SENSE",
    "ParallelReductionFactorInPlane": 2,
    "PatientPosition": "HFS",
    "PhaseEncodingDirection": "j",
    "PhilipsRescaleIntercept": 0,
    "PhilipsRescaleSlope": 0.75385,
    "PhilipsScaleSlope": 0.0947522,
    "ProtocolName": "WIPpiopfacesSENSE",
    "PulseSequenceType": "gradient echo EPI",
    "ReconMatrixPE": 80,
    "RepetitionTime": 0.75,
    "SeriesDescription": "ImageMRSERIES",
    "SeriesNumber": 2,
    "SliceEncodingDirection": "k",
    "SliceTiming": [
      0.0,
      0.06755050505050506,
      0.1351010101010101,
      0.20265151515151517,
      0.2702020202020202,
      0.3377525252525253,
      0.40530303030303033,
      0.47285353535353536,
      0.5404040404040404,
      0.6079545454545455,
      0.6755050505050506,
      0.7430555555555556,
      0.0,
      0.06755050505050506,
      0.1351010101010101,
      0.20265151515151517,
      0.2702020202020202,
      0.3377525252525253,
      0.40530303030303033,
      0.47285353535353536,
      0.5404040404040404,
      0.6079545454545455,
      0.6755050505050506,
      0.7430555555555556,
      0.0,
      0.06755050505050506,
      0.1351010101010101,
      0.20265151515151517,
      0.2702020202020202,
      0.3377525252525253,
      0.40530303030303033,
      0.47285353535353536,
      0.5404040404040404,
      0.6079545454545455,
      0.6755050505050506,
      0.7430555555555556
    ],
    "TaskName": "faces",
    "TotalReadoutTime": 0.024699802401580786,
    "UsePhilipsFloatNotDisplayScaling": 1,
    "acq_id": "mb3",
    "dataset": "ds002785",
    "modality": "bold",
    "subject_id": "0027",
    "task_id": "faces"
  },
  "dummy_trs": 3,
  "dvars_nstd": 21.794548818773002,
  "dvars_std": 1.1307106557668705,
  "dvars_vstd": 0.9979506673619629,
  "efc": 0.4276705546100578,
  "fber": 169334.328125,
  "fd_mean": 0.11077938667224305,
  "fd_num": 12,
  "fd_perc": 3.669724770642202,
  "fwhm_avg": 2.121880056317845,
  "fwhm_x": 2.0914533333333334,
  "fwhm_y": 2.32542,
  "fwhm_z": 1.9487668356202013,
  "gcor": 0.0142999,
  "gsr_x": -0.027668753638863564,
  "gsr_y": 0.018009217455983162,
  "provenance": {
    "md5sum": "0ed10265045dad1c713ba5bd805c40a5",
    "settings": {
      "fd_thres": 0.2,
      "testing": false
    },
    "software": "mriqc",
    "version": "22.0.0rc1",
    "webapi_port": null,
    "webapi_url": "https://mriqc.nimh.nih.gov/api/v1"
  },
  "size_t": 327,
  "size_x": 80,
  "size_y": 80,
  "size_z": 36,
  "snr": 6.746448023815744,
  "spacing_tr": 0.75,
  "spacing_x": 3.0,
  "spacing_y": 3.0,
  "spacing_z": 3.299999713897705,
  "summary_bg_k": 26.04210891863998,
  "summary_bg_mad": 52.13553445899453,
  "summary_bg_mean": 523.8052978515625,
  "summary_bg_median": 45.85228729248047,
  "summary_bg_n": 157376.0,
  "summary_bg_p05": 2.9131279587745667,
  "summary_bg_p95": 2789.1947631835938,
  "summary_bg_stdv": 1373.3450927734375,
  "summary_fg_k": 0.7709203078851288,
  "summary_fg_mad": 2697.641067890271,
  "summary_fg_mean": 19184.978515625,
  "summary_fg_median": 19189.056640625,
  "summary_fg_n": 32277.0,
  "summary_fg_p05": 14473.203515625,
  "summary_fg_p95": 23830.866796874994,
  "summary_fg_stdv": 2844.27587890625,
  "tsnr": 66.9325942993164
}