{
  "bids_meta": {
    "AcquisitionNumber": 4,
    "BidsifyVersion": "0.3.5",
    "ConversionSoftware": "dcm2niix",
    "ConversionSoftwareVersion": "v1.0.20181125  GCC6.3.0",
    "EchoTime": 0.00384,
    "ImageComments": "Piop",
    "ImageOrientationPatientDICOM": [
      0.998614,
      0.0508613,
      -0.0135591,
      -0.0525099,
      0.980509,
      -0.18933
    ],
    "Manufacturer": "Philips",
    "PatientPosition": "HFS",
    "PhilipsRescaleIntercept": 0,
    "PhilipsRescaleSlope": 8.96264,
    "PhilipsScaleSlope": 0.00734867,
    "ProtocolName": "WIPt13dSENSE",
    "ReconMatrixPE": 240,
    "RepetitionTime": 0.008334,
    "SeriesDescription": "ImageMRSERIES",
    "SeriesNumber": 4,
    "UsePhilipsFloatNotDisplayScaling": 1,
    "dataset": "ds002785",
    "modality": "T1w",
    "subject_id": "0140"
  },
  "cjv": 0.3006478320663002,
  "cnr": 4.147592108788973,
  "efc": 0.7580198939249344,
  "fber": 1841.8770751953125,
  "fwhm_avg": 3.481986733658914,
  "fwhm_x": 3.40506,
  "fwhm_y": 3.66907,
  "fwhm_z": 3.3718302009767416,
  "icvs_csf": 0.20322345115954293,
  "icvs_gm": 0.4297670967431216,
  "icvs_wm": 0.3670094520973355,
  "inu_med": 1.9138948917388916,
  "inu_range": 0.4274410009384155,
  "provenance": {
    "md5sum": "acab2f0136485250393e0dfce40f6f63",
    "settings": {
      "testing": false
    },
    "software": "mriqc",
    "version": "22.0.0rc1",
    "warnings": {
      "large_rot_frame": true,
      "small_air_mask": true
    },
    "webapi_port": null,
    "webapi_url": "https://mriqc.nimh.nih.gov/api/v1"
  },
  "qi_1": 0.0,
  "qi_2": 0.00017004878823618675,
  "rpve_csf": 28.692992851059554,
  "rpve_gm": 14.767693245417368,
  "rpve_wm": 22.094406053988877,
  "size_x": 240,
  "size_y": 240,
  "size_z": 220,
  "snr_csf": 2.596533096571769,
  "snr_gm": 7.781715634355584,
  "snr_total": 10.470639087889255,
  "snr_wm": 21.03366853274041,
  "snrd_csf": 24.34318919637391,
  "snrd_gm": 48.58588419908881,
  "snrd_total": 50.65488495232015,
  "snrd_wm": 79.03558146149776,
  "spacing_x": 1.0,
  "spacing_y": 1.0,
  "spacing_z": 0.9999999403953552,
  "summary_bg_k": 601.07462406625,
  "summary_bg_mad": 8.288992997851313,
  "summary_bg_mean": 12.169062614440918,
  "summary_bg_median": 11.138708114624023,
  "summary_bg_n": 124145.0,
  "summary_bg_p05": 0.0,
  "summary_bg_p95": 28.64877777099609,
  "summary_bg_stdv": 11.307594299316406,
  "summary_csf_k": -0.6274248063275047,
  "summary_csf_mad": 122.81267684134784,
  "summary_csf_mean": 277.8188171386719,
  "summary_csf_median": 307.99774169921875,
  "summary_csf_n": 6728.0,
  "summary_csf_p05": 83.01703186035157,
  "summary_csf_p95": 437.25060424804684,
  "summary_csf_stdv": 118.61002349853516,
  "summary_gm_k": 0.6541732832309877,
  "summary_gm_mad": 72.19491868017198,
  "summary_gm_mean": 616.313232421875,
  "summary_gm_median": 614.7239990234375,
  "summary_gm_n": 16550.0,
  "summary_gm_p05": 490.9369522094727,
  "summary_gm_p95": 750.3373870849609,
  "summary_gm_stdv": 78.99356079101562,
  "summary_wm_k": 0.9619233299013175,
  "summary_wm_mad": 43.63242948656852,
  "summary_wm_mean": 997.4847412109375,
  "summary_wm_median": 999.9832153320312,
  "summary_wm_n": 189681.0,
  "summary_wm_p05": 915.6072998046875,
  "summary_wm_p95": 1070.073486328125,
  "summary_wm_stdv": 47.541900634765625,
  "tpm_overlap_csf": 0.1716674566268921,
  "tpm_overlap_gm": 0.4454973638057709,
  "tpm_overlap_wm": 0.5142619013786316,
  "wm2max": 0.7240408988629752
}