{
  "aor": 0.00047070000000000006,
  "aqi": 0.00414635675,
  "bids_meta": {
    "AcquisitionNumber": 9,
    "BidsifyVersion": "0.3.5",
    "ConversionSoftware": "dcm2niix",
    "ConversionSoftwareVersion": "v1.0.20181125  GCC6.3.0",
    "EchoTime": 0.02762,
    "EffectiveEchoSpacing": 0.0006621159151938905,
    "ImageComments": "piop",
    "ImageOrientationPatientDICOM": [
      0.999913,
      -0.0079154,
      -0.0105109,
      0.00488654,
      0.965081,
      -0.261907
    ],
    "Manufacturer": "Philips",
    "NumberOfVolumesDiscardedByScanner": 2,
    "ParallelAcquisitionTechnique": "SENSE",
    "ParallelReductionFactorInPlane": 2,
    "PatientPosition": "HFS",
    "PhaseEncodingDirection": "j",
    "PhilipsRescaleIntercept": 0,
    "PhilipsRescaleSlope": 0.82882,
    "PhilipsScaleSlope": 0.0586668,
    "ProtocolName": "WIPpiopanticipatieSENSE",
    "PulseSequenceType": "gradient echo EPI",
    "ReconMatrixPE": 80,
    "RepetitionTime": 2,
    "SeriesDescription": "ImageMRSERIES",
    "SeriesNumber": 9,
    "SliceEncodingDirection": "k",
    "SliceTiming": [
      0.0,
      0.0541,
      0.1081,
      0.1622,
      0.2162,
      0.2703,
      0.3243,
      0.3784,
      0.4324,
      0.4865,
      0.5405,
      0.5946,
      0.6486,
      0.7027,
      0.7568,
      0.8108,
      0.8649,
      0.9189,
      0.973,
      1.027,
      1.0811,
      1.1351,
      1.1892,
      1.2432,
      1.2973,
      1.3514,
      1.4054,
      1.4595,
      1.5135,
      1.5676,
      1.6216,
      1.6757,
      1.7297,
      1.7838,
      1.8378,
      1.8919,
      1.9459
    ],
    "TaskName": "anticipation",
    "TotalReadoutTime": 0.025822520692561732,
    "UsePhilipsFloatNotDisplayScaling": 1,
    "acq_id": "seq",
    "dataset": "ds002785",
    "modality": "bold",
    "subject_id": "0195",
    "task_id": "anticipation"
  },
  "dummy_trs": 0,
  "dvars_nstd": 17.377855204974864,
  "dvars_std": 1.1693108180904526,
  "dvars_vstd": 0.9868584852261305,
  "efc": 0.4029171104476667,
  "fber": 194033.09375,
  "fd_mean": 0.0838729405518717,
  "fd_num": 1,
  "fd_perc": 0.5,
  "fwhm_avg": 1.7993308163659378,
  "fwhm_x": 1.7670366666666668,
  "fwhm_y": 1.9108133333333335,
  "fwhm_z": 1.7201424490978132,
  "gcor": 0.018633,
  "gsr_x": -0.024669865146279335,
  "gsr_y": 0.015663478523492813,
  "provenance": {
    "md5sum": "3477117e6baefc6aff0bb67a0af3e794",
    "settings": {
      "fd_thres": 0.2,
      "testing": false
    },
    "software": "mriqc",
    "version": "22.0.0rc1",
    "webapi_port": null,
    "webapi_url": "https://mriqc.nimh.nih.gov/api/v1"
  },
  "size_t": 200,
  "size_x": 80,
  "size_y": 80,
  "size_z": 37,
  "snr": 6.3857769377116655,
  "spacing_tr": 2.0,
  "spacing_x": 3.0,
  "spacing_y": 3.0,
  "spacing_z": 3.299999952316284,
  "summary_bg_k": 135.87913127398554,
  "summary_bg_mad": 64.29653724770809,
  "summary_bg_mean": 520.8931274414062,
  "summary_bg_median": 59.745262145996094,
  "summary_bg_n": 164389.0,
  "summary_bg_p05": 2.216991853713989,
  "summary_bg_p95": 2578.630078125,
  "summary_bg_stdv": 1756.0643310546875,
  "summary_fg_k": 1.4962271500940165,
  "summary_fg_mad": 4086.7148312093254,
  "summary_fg_mean": 27148.279296875,
  "summary_fg_median": 26819.271484375,
  "summary_fg_n": 31631.0,
  "summary_fg_p05": 21022.5322265625,
  "summary_fg_p95": 34171.97265625,
  "summary_fg_stdv": 4199.7783203125,
  "tsnr": 88.76791381835938
}