{
  "aor": 0.0013153765690376567,
  "aqi": 0.012237127154811716,
  "bids_meta": {
    "AcquisitionNumber": 6,
    "BidsifyVersion": "0.3.5",
    "ConversionSoftware": "dcm2niix",
    "ConversionSoftwareVersion": "v1.0.20181125  GCC6.3.0",
    "EchoTime": 0.02763,
    "ImageComments": "piop",
    "ImageOrientationPatientDICOM": [
      0.997321,
      0.0610775,
      0.0402641,
      -0.0442416,
      0.941904,
      -0.332955
    ],
    "Manufacturer": "Philips",
    "NumberOfVolumesDiscardedByScanner": 2,
    "ParallelAcquisitionTechnique": "SENSE",
    "ParallelReductionFactorInPlane": 2,
    "PatientPosition": "HFS",
    "PhaseEncodingDirection": "j",
    "PhilipsRescaleIntercept": 0,
    "PhilipsRescaleSlope": 0.88254,
    "PhilipsScaleSlope": 0.0872501,
    "ProtocolName": "WIPpioprsSENSE",
    "PulseSequenceType": "gradient echo EPI",
    "ReconMatrixPE": 80,
    "RepetitionTime": 0.75,
    "SeriesDescription": "ImageMRSERIES",
    "SeriesNumber": 6,
    "SliceEncodingDirection": "k",
    "TaskName": "restingstate",
    "UsePhilipsFloatNotDisplayScaling": 1,
    "acq_id": "mb3",
    "dataset": "ds002785",
    "modality": "bold",
    "subject_id": "0212",
    "task_id": "restingstate"
  },
  "dummy_trs": 2,
  "dvars_nstd": 26.168446966876317,
  "dvars_std": 1.1146936049895175,
  "dvars_vstd": 1.0121351548637314,
  "efc": 0.40778252775559276,
  "fber": 167707.265625,
  "fd_mean": 0.12266152969041587,
  "fd_num": 65,
  "fd_perc": 13.598326359832637,
  "fwhm_avg": 1.7659379981804821,
  "fwhm_x": 1.7181199999999999,
  "fwhm_y": 1.8908031830657972,
  "fwhm_z": 1.6888908114756491,
  "gcor": 0.0489095,
  "gsr_x": -0.024488748982548714,
  "gsr_y": 0.011290591210126877,
  "provenance": {
    "md5sum": "33f2b6a82894a19cd5933f6fd811c6b9",
    "settings": {
      "fd_thres": 0.2,
      "testing": false
    },
    "software": "mriqc",
    "version": "23.0.1",
    "webapi_port": null,
    "webapi_url": "https://mriqc.nimh.nih.gov/api/v1"
  },
  "size_t": 478,
  "size_x": 80,
  "size_y": 80,
  "size_z": 36,
  "snr": 6.501620111758353,
  "spacing_tr": 0.75,
  "spacing_x": 3.0,
  "spacing_y": 3.000000238418579,
  "spacing_z": 3.3000001907348633,
  "summary_bg_k": 91.81049526972657,
  "summary_bg_mad": 46.66302275900807,
  "summary_bg_mean": 389.1282958984375,
  "summary_bg_median": 42.482357025146484,
  "summary_bg_n": 160020.0,
  "summary_bg_p05": 2.8343398690223696,
  "summary_bg_p95": 1860.7717590332,
  "summary_bg_stdv": 1223.8182373046875,
  "summary_fg_k": 1.3327279417791464,
  "summary_fg_mad": 2605.92966913363,
  "summary_fg_mean": 17754.666015625,
  "summary_fg_median": 17750.958984375,
  "summary_fg_n": 30601.0,
  "summary_fg_p05": 13402.1611328125,
  "summary_fg_p95": 21989.748046875,
  "summary_fg_stdv": 2730.191650390625,
  "tsnr": 45.62548065185547
}