{
  "aor": 0.0023290499999999996,
  "aqi": 0.007125984199999999,
  "bids_meta": {
    "AcquisitionNumber": 9,
    "BidsifyVersion": "0.3.5",
    "ConversionSoftware": "dcm2niix",
    "ConversionSoftwareVersion": "v1.0.20181125  GCC6.3.0",
    "EchoTime": 0.02762,
    "ImageComments": "piop",
    "ImageOrientationPatientDICOM": [
      0.997321,
      0.0610775,
      0.0402641,
      -0.0442416,
      0.941904,
      -0.332955
    ],
    "Manufacturer": "Philips",
    "NumberOfVolumesDiscardedByScanner": 2,
    "ParallelAcquisitionTechnique": "SENSE",
    "ParallelReductionFactorInPlane": 2,
    "PatientPosition": "HFS",
    "PhaseEncodingDirection": "j",
    "PhilipsRescaleIntercept": 0,
    "PhilipsRescaleSlope": 0.92381,
    "PhilipsScaleSlope": 0.0556971,
    "ProtocolName": "WIPpiopanticipatieSENSE",
    "PulseSequenceType": "gradient echo EPI",
    "ReconMatrixPE": 80,
    "RepetitionTime": 2,
    "SeriesDescription": "ImageMRSERIES",
    "SeriesNumber": 9,
    "SliceEncodingDirection": "k",
    "TaskName": "anticipation",
    "UsePhilipsFloatNotDisplayScaling": 1,
    "acq_id": "seq",
    "dataset": "ds002785",
    "modality": "bold",
    "subject_id": "0212",
    "task_id": "anticipation"
  },
  "dummy_trs": 0,
  "dvars_nstd": 29.117828982613055,
  "dvars_std": 1.3406823139698492,
  "dvars_vstd": 1.001802338241206,
  "efc": 0.40115268272607646,
  "fber": 193702.703125,
  "fd_mean": 0.22773398153901148,
  "fd_num": 96,
  "fd_perc": 48.0,
  "fwhm_avg": 1.714636990422077,
  "fwhm_x": 1.66103,
  "fwhm_y": 1.8247265216504316,
  "fwhm_z": 1.6581544496157994,
  "gcor": 0.0586257,
  "gsr_x": -0.022573933005332947,
  "gsr_y": 0.012993482872843742,
  "provenance": {
    "md5sum": "9623e31898cc0925d6fea2ae2e9978d5",
    "settings": {
      "fd_thres": 0.2,
      "testing": false
    },
    "software": "mriqc",
    "version": "23.0.1",
    "webapi_port": null,
    "webapi_url": "https://mriqc.nimh.nih.gov/api/v1"
  },
  "size_t": 200,
  "size_x": 80,
  "size_y": 80,
  "size_z": 37,
  "snr": 5.48898188118437,
  "spacing_tr": 2.0,
  "spacing_x": 3.0,
  "spacing_y": 3.000000238418579,
  "spacing_z": 3.3000001907348633,
  "summary_bg_k": 134.46413381898137,
  "summary_bg_mad": 56.92094978066779,
  "summary_bg_mean": 510.47357177734375,
  "summary_bg_median": 53.38068389892578,
  "summary_bg_n": 165085.0,
  "summary_bg_p05": 3.965516805648804,
  "summary_bg_p95": 2407.300048828117,
  "summary_bg_stdv": 1763.1551513671875,
  "summary_fg_k": 1.8609383820681362,
  "summary_fg_mad": 4156.501380947577,
  "summary_fg_mean": 24316.484375,
  "summary_fg_median": 23958.74609375,
  "summary_fg_n": 31297.0,
  "summary_fg_p05": 18084.8671875,
  "summary_fg_p95": 31331.60039062499,
  "summary_fg_stdv": 4364.81005859375,
  "tsnr": 62.18791580200195
}