{
  "aor": 0.0035017910447761188,
  "aqi": 0.007799976194029852,
  "bids_meta": {
    "AcquisitionNumber": 5,
    "BidsifyVersion": "0.3.5",
    "ConversionSoftware": "dcm2niix",
    "ConversionSoftwareVersion": "v1.0.20181125  GCC6.3.0",
    "EchoTime": 0.02762,
    "ImageComments": "piop",
    "ImageOrientationPatientDICOM": [
      0.997321,
      0.0610775,
      0.0402641,
      -0.0442416,
      0.941904,
      -0.332955
    ],
    "Manufacturer": "Philips",
    "NumberOfVolumesDiscardedByScanner": 2,
    "ParallelAcquisitionTechnique": "SENSE",
    "ParallelReductionFactorInPlane": 2,
    "PatientPosition": "HFS",
    "PhaseEncodingDirection": "j",
    "PhilipsRescaleIntercept": 0,
    "PhilipsRescaleSlope": 0.90281,
    "PhilipsScaleSlope": 0.053238,
    "ProtocolName": "WIPpiopharririSENSE",
    "PulseSequenceType": "gradient echo EPI",
    "ReconMatrixPE": 80,
    "RepetitionTime": 2,
    "SeriesDescription": "ImageMRSERIES",
    "SeriesNumber": 5,
    "SliceEncodingDirection": "k",
    "TaskName": "emomatching",
    "UsePhilipsFloatNotDisplayScaling": 1,
    "acq_id": "seq",
    "dataset": "ds002785",
    "modality": "bold",
    "subject_id": "0212",
    "task_id": "emomatching"
  },
  "dummy_trs": 1,
  "dvars_nstd": 30.90706405075188,
  "dvars_std": 1.3760358892481201,
  "dvars_vstd": 1.0352956631578951,
  "efc": 0.39992328757822826,
  "fber": 201552.71875,
  "fd_mean": 0.27100092242464224,
  "fd_num": 77,
  "fd_perc": 57.46268656716418,
  "fwhm_avg": 1.7243974949449976,
  "fwhm_x": 1.6677,
  "fwhm_y": 1.837453187305674,
  "fwhm_z": 1.668039297529319,
  "gcor": 0.0687223,
  "gsr_x": -0.02263406477868557,
  "gsr_y": 0.01281802263110876,
  "provenance": {
    "md5sum": "c9401a2e709aae22cae204c26a04b9d6",
    "settings": {
      "fd_thres": 0.2,
      "testing": false
    },
    "software": "mriqc",
    "version": "23.0.1",
    "webapi_port": null,
    "webapi_url": "https://mriqc.nimh.nih.gov/api/v1"
  },
  "size_t": 134,
  "size_x": 80,
  "size_y": 80,
  "size_z": 37,
  "snr": 5.331624623707354,
  "spacing_tr": 2.0,
  "spacing_x": 3.0,
  "spacing_y": 3.000000238418579,
  "spacing_z": 3.3000001907348633,
  "summary_bg_k": 144.70455975219988,
  "summary_bg_mad": 57.72426116432798,
  "summary_bg_mean": 512.1254272460938,
  "summary_bg_median": 53.873111724853516,
  "summary_bg_n": 165098.0,
  "summary_bg_p05": 4.239324355125428,
  "summary_bg_p95": 2415.810021972655,
  "summary_bg_stdv": 1784.7906494140625,
  "summary_fg_k": 1.997443804518249,
  "summary_fg_mad": 4383.879569819855,
  "summary_fg_mean": 25014.193359375,
  "summary_fg_median": 24609.16796875,
  "summary_fg_n": 31288.0,
  "summary_fg_p05": 18465.619921875,
  "summary_fg_p95": 32517.778906249998,
  "summary_fg_stdv": 4615.6240234375,
  "tsnr": 59.20241928100586
}