{
  "aor": 0.003549691358024691,
  "aqi": 0.0064171307407407405,
  "bids_meta": {
    "AcquisitionNumber": 8,
    "BidsifyVersion": "0.3.5",
    "ConversionSoftware": "dcm2niix",
    "ConversionSoftwareVersion": "v1.0.20181125  GCC6.3.0",
    "EchoTime": 0.02762,
    "ImageComments": "piop",
    "ImageOrientationPatientDICOM": [
      0.997321,
      0.0610775,
      0.0402641,
      -0.0442416,
      0.941904,
      -0.332955
    ],
    "Manufacturer": "Philips",
    "NumberOfVolumesDiscardedByScanner": 2,
    "ParallelAcquisitionTechnique": "SENSE",
    "ParallelReductionFactorInPlane": 2,
    "PatientPosition": "HFS",
    "PhaseEncodingDirection": "j",
    "PhilipsRescaleIntercept": 0,
    "PhilipsRescaleSlope": 0.90061,
    "PhilipsScaleSlope": 0.05459,
    "ProtocolName": "WIPpiopwmSENSE",
    "PulseSequenceType": "gradient echo EPI",
    "ReconMatrixPE": 80,
    "RepetitionTime": 2,
    "SeriesDescription": "ImageMRSERIES",
    "SeriesNumber": 8,
    "SliceEncodingDirection": "k",
    "TaskName": "workingmemory",
    "UsePhilipsFloatNotDisplayScaling": 1,
    "acq_id": "seq",
    "dataset": "ds002785",
    "modality": "bold",
    "subject_id": "0212",
    "task_id": "workingmemory"
  },
  "dummy_trs": 0,
  "dvars_nstd": 28.14852297515528,
  "dvars_std": 1.4202320959627328,
  "dvars_vstd": 1.0493141262111791,
  "efc": 0.400103172364899,
  "fber": 195297.015625,
  "fd_mean": 0.20158781851905094,
  "fd_num": 59,
  "fd_perc": 36.41975308641975,
  "fwhm_avg": 1.7479671908110106,
  "fwhm_x": 1.6893166666666666,
  "fwhm_y": 1.8593031855691922,
  "fwhm_z": 1.6952817201971735,
  "gcor": 0.0620391,
  "gsr_x": -0.022922277450561523,
  "gsr_y": 0.012752462178468704,
  "provenance": {
    "md5sum": "e59b1b06449a975fb84d43c42425898e",
    "settings": {
      "fd_thres": 0.2,
      "testing": false
    },
    "software": "mriqc",
    "version": "23.0.1",
    "webapi_port": null,
    "webapi_url": "https://mriqc.nimh.nih.gov/api/v1"
  },
  "size_t": 162,
  "size_x": 80,
  "size_y": 80,
  "size_z": 37,
  "snr": 5.312452100385244,
  "spacing_tr": 2.0,
  "spacing_x": 3.0,
  "spacing_y": 3.000000238418579,
  "spacing_z": 3.3000001907348633,
  "summary_bg_k": 134.028407149999,
  "summary_bg_mad": 59.099298030989715,
  "summary_bg_mean": 523.9382934570312,
  "summary_bg_median": 54.790225982666016,
  "summary_bg_n": 165307.0,
  "summary_bg_p05": 4.1327130794525155,
  "summary_bg_p95": 2482.462304687493,
  "summary_bg_stdv": 1808.9962158203125,
  "summary_fg_k": 1.6765977562409056,
  "summary_fg_mad": 4428.77172254152,
  "summary_fg_mean": 25032.349609375,
  "summary_fg_median": 24626.109375,
  "summary_fg_n": 31102.0,
  "summary_fg_p05": 18419.17001953125,
  "summary_fg_p95": 32550.342578124997,
  "summary_fg_stdv": 4635.47021484375,
  "tsnr": 65.41515350341797
}