{
  "aor": 0.0019010909090909091,
  "aqi": 0.01103776396969697,
  "bids_meta": {
    "AcquisitionNumber": 2,
    "BidsifyVersion": "0.3.5",
    "ConversionSoftware": "dcm2niix",
    "ConversionSoftwareVersion": "v1.0.20181125  GCC6.3.0",
    "EchoTime": 0.02762,
    "ImageComments": "piop",
    "ImageOrientationPatientDICOM": [
      0.997321,
      0.0610775,
      0.0402641,
      -0.0442416,
      0.941904,
      -0.332955
    ],
    "Manufacturer": "Philips",
    "NumberOfVolumesDiscardedByScanner": 2,
    "ParallelAcquisitionTechnique": "SENSE",
    "ParallelReductionFactorInPlane": 2,
    "PatientPosition": "HFS",
    "PhaseEncodingDirection": "j",
    "PhilipsRescaleIntercept": 0,
    "PhilipsRescaleSlope": 0.87131,
    "PhilipsScaleSlope": 0.0849451,
    "ProtocolName": "WIPpiopfacesSENSE",
    "PulseSequenceType": "gradient echo EPI",
    "ReconMatrixPE": 80,
    "RepetitionTime": 0.75,
    "SeriesDescription": "ImageMRSERIES",
    "SeriesNumber": 2,
    "SliceEncodingDirection": "k",
    "TaskName": "faces",
    "UsePhilipsFloatNotDisplayScaling": 1,
    "acq_id": "mb3",
    "dataset": "ds002785",
    "modality": "bold",
    "subject_id": "0212",
    "task_id": "faces"
  },
  "dummy_trs": 0,
  "dvars_nstd": 24.03756309772038,
  "dvars_std": 1.1166228109118532,
  "dvars_vstd": 0.9917569573252283,
  "efc": 0.4088149744115726,
  "fber": 179384.046875,
  "fd_mean": 0.14423237789939874,
  "fd_num": 50,
  "fd_perc": 15.151515151515152,
  "fwhm_avg": 1.9662135878121954,
  "fwhm_x": 1.9604233333333332,
  "fwhm_y": 2.12299,
  "fwhm_z": 1.8152274301032525,
  "gcor": 0.0548272,
  "gsr_x": -0.02470916509628296,
  "gsr_y": 0.011499473825097084,
  "provenance": {
    "md5sum": "829bcdb462c169e29bae9ee733f4ffc4",
    "settings": {
      "fd_thres": 0.2,
      "testing": false
    },
    "software": "mriqc",
    "version": "23.0.1",
    "webapi_port": null,
    "webapi_url": "https://mriqc.nimh.nih.gov/api/v1"
  },
  "size_t": 330,
  "size_x": 80,
  "size_y": 80,
  "size_z": 36,
  "snr": 6.6917689230629325,
  "spacing_tr": 0.75,
  "spacing_x": 3.0,
  "spacing_y": 3.0,
  "spacing_z": 3.299999713897705,
  "summary_bg_k": 90.28423423062276,
  "summary_bg_mad": 46.9490028558404,
  "summary_bg_mean": 387.8498840332031,
  "summary_bg_median": 42.67638397216797,
  "summary_bg_n": 159881.0,
  "summary_bg_p05": 3.1619298458099365,
  "summary_bg_p95": 1857.37646484375,
  "summary_bg_stdv": 1184.022216796875,
  "summary_fg_k": 1.037579775175728,
  "summary_fg_mad": 2595.0041648945253,
  "summary_fg_mean": 18287.884765625,
  "summary_fg_median": 18299.05078125,
  "summary_fg_n": 30748.0,
  "summary_fg_p05": 13809.023779296875,
  "summary_fg_p95": 22544.5720703125,
  "summary_fg_stdv": 2734.5166015625,
  "tsnr": 50.679866790771484
}