{
  "bids_meta": {
    "AcquisitionNumber": 4,
    "BidsifyVersion": "0.3.5",
    "ConversionSoftware": "dcm2niix",
    "ConversionSoftwareVersion": "v1.0.20181125  GCC6.3.0",
    "EchoTime": 0.00374,
    "ImageComments": "Piop",
    "ImageOrientationPatientDICOM": [
      0.998285,
      0.0314414,
      -0.0493777,
      -0.0317212,
      0.999485,
      -0.00489192
    ],
    "Manufacturer": "Philips",
    "PatientPosition": "HFS",
    "PhilipsRescaleIntercept": 0,
    "PhilipsRescaleSlope": 8.8188,
    "PhilipsScaleSlope": 0.00713674,
    "ProtocolName": "WIPt13dSENSE",
    "ReconMatrixPE": 240,
    "RepetitionTime": 0.008196,
    "SeriesDescription": "ImageMRSERIES",
    "SeriesNumber": 4,
    "UsePhilipsFloatNotDisplayScaling": 1,
    "dataset": "ds002785",
    "modality": "T1w",
    "subject_id": "0067"
  },
  "cjv": 0.3312695747596574,
  "cnr": 3.7661436066712026,
  "efc": 0.7594711853794187,
  "fber": 1637.54736328125,
  "fwhm_avg": 3.505033063410155,
  "fwhm_x": 3.3807295969856264,
  "fwhm_y": 3.72226,
  "fwhm_z": 3.4121095932448395,
  "icvs_csf": 0.2223278536347729,
  "icvs_gm": 0.4166360929469808,
  "icvs_wm": 0.36103605341824635,
  "inu_med": 1.9281516075134277,
  "inu_range": 0.48745620250701904,
  "provenance": {
    "md5sum": "e92b5c7360cccda2e8616293a1bed917",
    "settings": {
      "testing": false
    },
    "software": "mriqc",
    "version": "22.0.0rc1",
    "warnings": {
      "large_rot_frame": true,
      "small_air_mask": true
    },
    "webapi_port": null,
    "webapi_url": "https://mriqc.nimh.nih.gov/api/v1"
  },
  "qi_1": 0.0,
  "qi_2": 0.00014367528093975782,
  "rpve_csf": 27.821343955786034,
  "rpve_gm": 15.377101452841098,
  "rpve_wm": 22.94878954966041,
  "size_x": 240,
  "size_y": 240,
  "size_z": 220,
  "snr_csf": 3.025175218825402,
  "snr_gm": 7.326268890000285,
  "snr_total": 10.438582951465918,
  "snr_wm": 20.964304745572065,
  "snrd_csf": 26.284789363510114,
  "snrd_gm": 46.94412812014022,
  "snrd_total": 49.32747997148933,
  "snrd_wm": 74.75352243081767,
  "spacing_x": 1.0000001192092896,
  "spacing_y": 1.0,
  "spacing_z": 1.0000001192092896,
  "summary_bg_k": 140.3884198206188,
  "summary_bg_mad": 8.763922248078334,
  "summary_bg_mean": 11.926517486572266,
  "summary_bg_median": 11.772809028625488,
  "summary_bg_n": 209683.0,
  "summary_bg_p05": 0.0,
  "summary_bg_p95": 29.90645351409912,
  "summary_bg_stdv": 11.621843338012695,
  "summary_csf_k": 1.369190746812384,
  "summary_csf_mad": 112.21465901757338,
  "summary_csf_mean": 339.28497314453125,
  "summary_csf_median": 351.6181640625,
  "summary_csf_n": 4162.0,
  "summary_csf_p05": 125.68350524902344,
  "summary_csf_p95": 496.1778259277343,
  "summary_csf_stdv": 116.21671295166016,
  "summary_gm_k": 0.2764258375719453,
  "summary_gm_mad": 80.84276802182885,
  "summary_gm_mean": 631.21240234375,
  "summary_gm_median": 627.9832763671875,
  "summary_gm_n": 13680.0,
  "summary_gm_p05": 495.4375518798828,
  "summary_gm_p95": 779.2914489746094,
  "summary_gm_stdv": 85.7135238647461,
  "summary_wm_k": 1.2955892102599433,
  "summary_wm_mad": 42.39388111225906,
  "summary_wm_mean": 997.11376953125,
  "summary_wm_median": 999.9964599609375,
  "summary_wm_n": 174440.0,
  "summary_wm_p05": 914.1934143066406,
  "summary_wm_p95": 1069.0039306640624,
  "summary_wm_stdv": 47.69982147216797,
  "tpm_overlap_csf": 0.15062080323696136,
  "tpm_overlap_gm": 0.43927526473999023,
  "tpm_overlap_wm": 0.5023350715637207,
  "wm2max": 0.7514318394971782
}