{
  "bids_meta": {
    "AcquisitionNumber": 4,
    "BidsifyVersion": "0.3.5",
    "ConversionSoftware": "dcm2niix",
    "ConversionSoftwareVersion": "v1.0.20181125  GCC6.3.0",
    "EchoTime": 0.00379,
    "ImageComments": "piop",
    "ImageOrientationPatientDICOM": [
      0.996521,
      -0.0828679,
      -0.0088764,
      0.082104,
      0.994424,
      -0.0661813
    ],
    "Manufacturer": "Philips",
    "PatientPosition": "HFS",
    "PhilipsRescaleIntercept": 0,
    "PhilipsRescaleSlope": 8.57924,
    "PhilipsScaleSlope": 0.00719163,
    "ProtocolName": "WIPt13dSENSE",
    "ReconMatrixPE": 240,
    "RepetitionTime": 0.008215,
    "SeriesDescription": "ImageMRSERIES",
    "SeriesNumber": 4,
    "UsePhilipsFloatNotDisplayScaling": 1,
    "dataset": "ds002785",
    "modality": "T1w",
    "subject_id": "0128"
  },
  "cjv": 0.32314400082992817,
  "cnr": 3.896914611391011,
  "efc": 0.7650211557095212,
  "fber": 738.046630859375,
  "fwhm_avg": 3.54661,
  "fwhm_x": 3.48693,
  "fwhm_y": 3.75629,
  "fwhm_z": 3.39661,
  "icvs_csf": 0.20047148709869972,
  "icvs_gm": 0.4301335738310107,
  "icvs_wm": 0.3693949390702896,
  "inu_med": 2.0873684883117676,
  "inu_range": 0.5796926021575926,
  "provenance": {
    "md5sum": "6c43c1d0ce1fcaa58b7b5594b8cc9f45",
    "settings": {
      "testing": false
    },
    "software": "mriqc",
    "version": "22.0.0rc1",
    "warnings": {
      "large_rot_frame": true,
      "small_air_mask": true
    },
    "webapi_port": null,
    "webapi_url": "https://mriqc.nimh.nih.gov/api/v1"
  },
  "qi_1": 0.0,
  "qi_2": 0.0003412265927624902,
  "rpve_csf": 27.019058602297445,
  "rpve_gm": 13.696411685334095,
  "rpve_wm": 20.502217854132564,
  "size_x": 240,
  "size_y": 240,
  "size_z": 220,
  "snr_csf": 2.8559360030639263,
  "snr_gm": 7.052915177305598,
  "snr_total": 9.969375032763011,
  "snr_wm": 19.99927391791951,
  "snrd_csf": 24.58146954410442,
  "snrd_gm": 44.8140726257548,
  "snrd_total": 47.655601599668415,
  "snrd_wm": 73.57126262914603,
  "spacing_x": 1.0,
  "spacing_y": 1.0,
  "spacing_z": 1.0,
  "summary_bg_k": 3.300432852937381,
  "summary_bg_mad": 8.904587459098087,
  "summary_bg_mean": 11.45481014251709,
  "summary_bg_median": 11.905950546264648,
  "summary_bg_n": 104692.0,
  "summary_bg_p05": 0.0,
  "summary_bg_p95": 30.514377403259278,
  "summary_bg_stdv": 10.10841178894043,
  "summary_csf_k": 0.16341711475676224,
  "summary_csf_mad": 90.12685858652729,
  "summary_csf_mean": 301.62646484375,
  "summary_csf_median": 334.1103515625,
  "summary_csf_n": 5777.0,
  "summary_csf_p05": 77.82102966308594,
  "summary_csf_p95": 445.030908203125,
  "summary_csf_stdv": 116.97791290283203,
  "summary_gm_k": 0.45754998182131423,
  "summary_gm_mad": 81.30436188880866,
  "summary_gm_mean": 612.4265747070312,
  "summary_gm_median": 609.111083984375,
  "summary_gm_n": 18240.0,
  "summary_gm_p05": 477.04607543945315,
  "summary_gm_p95": 761.8500030517578,
  "summary_gm_stdv": 86.36065673828125,
  "summary_wm_k": 1.1954385753935988,
  "summary_wm_mad": 45.0018276416372,
  "summary_wm_mean": 997.8109130859375,
  "summary_wm_median": 999.9776611328125,
  "summary_wm_n": 211057.0,
  "summary_wm_p05": 912.99921875,
  "summary_wm_p95": 1074.3071044921874,
  "summary_wm_stdv": 50.000579833984375,
  "tpm_overlap_csf": 0.15708009898662567,
  "tpm_overlap_gm": 0.4322848320007324,
  "tpm_overlap_wm": 0.48744863271713257,
  "wm2max": 0.68717381917916
}