{
  "aor": 0.002428775510204082,
  "aqi": 0.00471379587755102,
  "bids_meta": {
    "AcquisitionNumber": 3,
    "BidsifyVersion": "0.3.5",
    "ConversionSoftware": "dcm2niix",
    "ConversionSoftwareVersion": "v1.0.20181125  GCC6.3.0",
    "EchoTime": 0.02762,
    "EffectiveEchoSpacing": 0.0006621159151938905,
    "ImageComments": "Piop",
    "ImageOrientationPatientDICOM": [
      0.999367,
      -0.0152535,
      0.0321539,
      0.0265184,
      0.921715,
      -0.38696
    ],
    "Manufacturer": "Philips",
    "NumberOfVolumesDiscardedByScanner": 2,
    "ParallelAcquisitionTechnique": "SENSE",
    "ParallelReductionFactorInPlane": 2,
    "PatientPosition": "HFS",
    "PhaseEncodingDirection": "j",
    "PhilipsRescaleIntercept": 0,
    "PhilipsRescaleSlope": 0.74872,
    "PhilipsScaleSlope": 0.054743,
    "ProtocolName": "WIPpiopgstroopSENSE",
    "PulseSequenceType": "gradient echo EPI",
    "ReconMatrixPE": 80,
    "RepetitionTime": 2,
    "SeriesDescription": "ImageMRSERIES",
    "SeriesNumber": 3,
    "SliceEncodingDirection": "k",
    "SliceTiming": [
      0.0,
      0.0541,
      0.1081,
      0.1622,
      0.2162,
      0.2703,
      0.3243,
      0.3784,
      0.4324,
      0.4865,
      0.5405,
      0.5946,
      0.6486,
      0.7027,
      0.7568,
      0.8108,
      0.8649,
      0.9189,
      0.973,
      1.027,
      1.0811,
      1.1351,
      1.1892,
      1.2432,
      1.2973,
      1.3514,
      1.4054,
      1.4595,
      1.5135,
      1.5676,
      1.6216,
      1.6757,
      1.7297,
      1.7838,
      1.8378,
      1.8919,
      1.9459
    ],
    "TaskName": "gstroop",
    "TotalReadoutTime": 0.025822520692561732,
    "UsePhilipsFloatNotDisplayScaling": 1,
    "acq_id": "seq",
    "dataset": "ds002785",
    "modality": "bold",
    "subject_id": "0132",
    "task_id": "gstroop"
  },
  "dummy_trs": 0,
  "dvars_nstd": 23.683854087663914,
  "dvars_std": 1.3071409375409833,
  "dvars_vstd": 1.0143444053278692,
  "efc": 0.3924986717291967,
  "fber": 194445.15625,
  "fd_mean": 0.12785875553889883,
  "fd_num": 22,
  "fd_perc": 8.979591836734693,
  "fwhm_avg": 1.7540552607228819,
  "fwhm_x": 1.72029,
  "fwhm_y": 1.8399,
  "fwhm_z": 1.7019757821686454,
  "gcor": 0.0290163,
  "gsr_x": -0.021945448592305183,
  "gsr_y": 0.013587284833192825,
  "provenance": {
    "md5sum": "a0e09ad9af7dc896463f2091bb0af7d5",
    "settings": {
      "fd_thres": 0.2,
      "testing": false
    },
    "software": "mriqc",
    "version": "22.0.0rc1",
    "webapi_port": null,
    "webapi_url": "https://mriqc.nimh.nih.gov/api/v1"
  },
  "size_t": 245,
  "size_x": 80,
  "size_y": 80,
  "size_z": 37,
  "snr": 5.631640718053483,
  "spacing_tr": 2.0,
  "spacing_x": 3.0,
  "spacing_y": 3.0,
  "spacing_z": 3.299999952316284,
  "summary_bg_k": 101.04537616584902,
  "summary_bg_mad": 53.32309830438372,
  "summary_bg_mean": 417.5868225097656,
  "summary_bg_median": 56.440887451171875,
  "summary_bg_n": 165313.0,
  "summary_bg_p05": 4.188650894165039,
  "summary_bg_p95": 2126.0877929687485,
  "summary_bg_stdv": 1396.4866943359375,
  "summary_fg_k": 1.351602919956182,
  "summary_fg_mad": 4371.750899131944,
  "summary_fg_mean": 25942.13671875,
  "summary_fg_median": 25497.611328125,
  "summary_fg_n": 30871.0,
  "summary_fg_p05": 19541.03125,
  "summary_fg_p95": 33627.869140625,
  "summary_fg_stdv": 4527.490234375,
  "tsnr": 78.32796478271484
}