{
  "aor": 0.00038946938775510204,
  "aqi": 0.0028941786530612247,
  "bids_meta": {
    "AcquisitionNumber": 3,
    "BidsifyVersion": "0.3.5",
    "ConversionSoftware": "dcm2niix",
    "ConversionSoftwareVersion": "v1.0.20181125  GCC6.3.0",
    "EchoTime": 0.02762,
    "ImageComments": "PIOP",
    "ImageOrientationPatientDICOM": [
      0.999252,
      0.0351598,
      -0.0161066,
      -0.0380381,
      0.968723,
      -0.245211
    ],
    "Manufacturer": "Philips",
    "NumberOfVolumesDiscardedByScanner": 2,
    "ParallelAcquisitionTechnique": "SENSE",
    "ParallelReductionFactorInPlane": 2,
    "PatientPosition": "HFS",
    "PhaseEncodingDirection": "j",
    "PhilipsRescaleIntercept": 0,
    "PhilipsRescaleSlope": 0.8127,
    "PhilipsScaleSlope": 0.0606008,
    "ProtocolName": "WIPpiopgstroopSENSE",
    "PulseSequenceType": "gradient echo EPI",
    "ReconMatrixPE": 80,
    "RepetitionTime": 2,
    "SeriesDescription": "ImageMRSERIES",
    "SeriesNumber": 3,
    "SliceEncodingDirection": "k",
    "TaskName": "gstroop",
    "UsePhilipsFloatNotDisplayScaling": 1,
    "acq_id": "seq",
    "dataset": "ds002785",
    "modality": "bold",
    "subject_id": "0209",
    "task_id": "gstroop"
  },
  "dummy_trs": 0,
  "dvars_nstd": 19.568369759959012,
  "dvars_std": 1.27195581807377,
  "dvars_vstd": 0.9798740000819673,
  "efc": 0.40619484883683804,
  "fber": 220092.15625,
  "fd_mean": 0.0760492776105698,
  "fd_num": 1,
  "fd_perc": 0.40816326530612246,
  "fwhm_avg": 1.75469899807296,
  "fwhm_x": 1.7306033333333335,
  "fwhm_y": 1.83643,
  "fwhm_z": 1.697063660885546,
  "gcor": 0.00751887,
  "gsr_x": -0.013461066409945488,
  "gsr_y": 0.010353272780776024,
  "provenance": {
    "md5sum": "d35df223cb63bd11ae571675880faabb",
    "settings": {
      "fd_thres": 0.2,
      "testing": false
    },
    "software": "mriqc",
    "version": "23.0.1",
    "webapi_port": null,
    "webapi_url": "https://mriqc.nimh.nih.gov/api/v1"
  },
  "size_t": 245,
  "size_x": 80,
  "size_y": 80,
  "size_z": 37,
  "snr": 5.487064235792141,
  "spacing_tr": 2.0,
  "spacing_x": 3.0,
  "spacing_y": 3.0,
  "spacing_z": 3.299999952316284,
  "summary_bg_k": 83.00997688423894,
  "summary_bg_mad": 53.54575883720606,
  "summary_bg_mean": 481.8119201660156,
  "summary_bg_median": 51.22300720214844,
  "summary_bg_n": 162956.0,
  "summary_bg_p05": 3.4059818983078003,
  "summary_bg_p95": 2379.8974609375,
  "summary_bg_stdv": 1662.8824462890625,
  "summary_fg_k": 1.065549641865644,
  "summary_fg_mad": 4457.001974549745,
  "summary_fg_mean": 24934.8125,
  "summary_fg_median": 24547.41796875,
  "summary_fg_n": 33264.0,
  "summary_fg_p05": 18563.95576171875,
  "summary_fg_p95": 32492.2298828125,
  "summary_fg_stdv": 4473.62158203125,
  "tsnr": 92.60118865966797
}