{
  "bids_meta": {
    "AcquisitionNumber": 4,
    "BidsifyVersion": "0.3.5",
    "ConversionSoftware": "dcm2niix",
    "ConversionSoftwareVersion": "v1.0.20181125  GCC6.3.0",
    "EchoTime": 0.00389,
    "ImageComments": "piop",
    "ImageOrientationPatientDICOM": [
      0.990036,
      0.140795,
      0.00227663,
      -0.139141,
      0.975662,
      0.169478
    ],
    "Manufacturer": "Philips",
    "PatientPosition": "HFS",
    "PhilipsRescaleIntercept": 0,
    "PhilipsRescaleSlope": 9.11429,
    "PhilipsScaleSlope": 0.00739248,
    "ProtocolName": "WIPt13dSENSE",
    "ReconMatrixPE": 240,
    "RepetitionTime": 0.008374,
    "SeriesDescription": "ImageMRSERIES",
    "SeriesNumber": 4,
    "UsePhilipsFloatNotDisplayScaling": 1,
    "dataset": "ds002785",
    "modality": "T1w",
    "subject_id": "0144"
  },
  "cjv": 0.3279434761959483,
  "cnr": 3.779906170707437,
  "efc": 0.7683929702962119,
  "fber": 659.2392578125,
  "fwhm_avg": 3.5154968025638738,
  "fwhm_x": 3.4864502078086264,
  "fwhm_y": 3.70656,
  "fwhm_z": 3.3534801998829957,
  "icvs_csf": 0.21045164073877837,
  "icvs_gm": 0.4258985522849024,
  "icvs_wm": 0.3636498069763192,
  "inu_med": 1.9382591247558594,
  "inu_range": 0.5457351207733154,
  "provenance": {
    "md5sum": "60fbc445e8ba1f3ab92b52c1af089120",
    "settings": {
      "testing": false
    },
    "software": "mriqc",
    "version": "22.0.0rc1",
    "warnings": {
      "large_rot_frame": true,
      "small_air_mask": true
    },
    "webapi_port": null,
    "webapi_url": "https://mriqc.nimh.nih.gov/api/v1"
  },
  "qi_1": 0.0,
  "qi_2": 0.00016428403157135035,
  "rpve_csf": 26.78532905974704,
  "rpve_gm": 14.053208847398578,
  "rpve_wm": 21.031676670294235,
  "size_x": 240,
  "size_y": 240,
  "size_z": 220,
  "snr_csf": 2.636838852214228,
  "snr_gm": 6.98996092810614,
  "snr_total": 9.520912575698553,
  "snr_wm": 18.93593794677529,
  "snrd_csf": 23.536037675760777,
  "snrd_gm": 41.95604694388598,
  "snrd_total": 44.709097726898726,
  "snrd_wm": 68.63520856104941,
  "spacing_x": 0.9999999403953552,
  "spacing_y": 1.0,
  "spacing_z": 0.9999999403953552,
  "summary_bg_k": 15.442003771684867,
  "summary_bg_mad": 9.545070441111353,
  "summary_bg_mean": 14.707170486450195,
  "summary_bg_median": 12.801292419433594,
  "summary_bg_n": 225766.0,
  "summary_bg_p05": 0.0,
  "summary_bg_p95": 38.119218826293945,
  "summary_bg_stdv": 11.786686897277832,
  "summary_csf_k": -0.7059622597911006,
  "summary_csf_mad": 122.08931554470604,
  "summary_csf_mean": 310.87451171875,
  "summary_csf_median": 342.9104919433594,
  "summary_csf_n": 4461.0,
  "summary_csf_p05": 74.94758605957031,
  "summary_csf_p95": 480.0450439453125,
  "summary_csf_stdv": 130.03147888183594,
  "summary_gm_k": 0.5564818520898327,
  "summary_gm_mad": 79.89084944043422,
  "summary_gm_mean": 617.7151489257812,
  "summary_gm_median": 611.2825317382812,
  "summary_gm_n": 14175.0,
  "summary_gm_p05": 485.2257476806641,
  "summary_gm_p95": 774.9897521972655,
  "summary_gm_stdv": 87.44841003417969,
  "summary_wm_k": 0.96920167482206,
  "summary_wm_mad": 47.58226495016416,
  "summary_wm_mean": 997.8670654296875,
  "summary_wm_median": 999.987060546875,
  "summary_wm_n": 196509.0,
  "summary_wm_p05": 906.8841430664063,
  "summary_wm_p95": 1079.93662109375,
  "summary_wm_stdv": 52.80881881713867,
  "tpm_overlap_csf": 0.15575182437896729,
  "tpm_overlap_gm": 0.4387586712837219,
  "tpm_overlap_wm": 0.49045059084892273,
  "wm2max": 0.7291066659313058
}