{
  "aor": 0.00018258333333333332,
  "aqi": 0.009002638625,
  "bids_meta": {
    "AcquisitionNumber": 6,
    "BidsifyVersion": "0.3.5",
    "ConversionSoftware": "dcm2niix",
    "ConversionSoftwareVersion": "v1.0.20181125  GCC6.3.0",
    "EchoTime": 0.02762,
    "EffectiveEchoSpacing": 0.0006333282667071997,
    "ImageComments": "PIOP",
    "ImageOrientationPatientDICOM": [
      0.999491,
      -0.0219195,
      -0.0231819,
      0.0160502,
      0.973432,
      -0.228413
    ],
    "Manufacturer": "Philips",
    "NumberOfVolumesDiscardedByScanner": 2,
    "ParallelAcquisitionTechnique": "SENSE",
    "ParallelReductionFactorInPlane": 2,
    "PatientPosition": "HFS",
    "PhaseEncodingDirection": "j",
    "PhilipsRescaleIntercept": 0,
    "PhilipsRescaleSlope": 0.78559,
    "PhilipsScaleSlope": 0.101993,
    "ProtocolName": "WIPpioprsSENSE",
    "PulseSequenceType": "gradient echo EPI",
    "ReconMatrixPE": 80,
    "RepetitionTime": 0.75,
    "SeriesDescription": "ImageMRSERIES",
    "SeriesNumber": 6,
    "SliceEncodingDirection": "k",
    "SliceTiming": [
      0.0,
      0.06755050505050506,
      0.1351010101010101,
      0.20265151515151517,
      0.2702020202020202,
      0.3377525252525253,
      0.40530303030303033,
      0.47285353535353536,
      0.5404040404040404,
      0.6079545454545455,
      0.6755050505050506,
      0.7430555555555556,
      0.0,
      0.06755050505050506,
      0.1351010101010101,
      0.20265151515151517,
      0.2702020202020202,
      0.3377525252525253,
      0.40530303030303033,
      0.47285353535353536,
      0.5404040404040404,
      0.6079545454545455,
      0.6755050505050506,
      0.7430555555555556,
      0.0,
      0.06755050505050506,
      0.1351010101010101,
      0.20265151515151517,
      0.2702020202020202,
      0.3377525252525253,
      0.40530303030303033,
      0.47285353535353536,
      0.5404040404040404,
      0.6079545454545455,
      0.6755050505050506,
      0.7430555555555556
    ],
    "TaskName": "restingstate",
    "TotalReadoutTime": 0.024699802401580786,
    "UsePhilipsFloatNotDisplayScaling": 1,
    "acq_id": "mb3",
    "dataset": "ds002785",
    "modality": "bold",
    "subject_id": "0164",
    "task_id": "restingstate"
  },
  "dummy_trs": 0,
  "dvars_nstd": 29.268327107661797,
  "dvars_std": 1.1089292659916496,
  "dvars_vstd": 0.9956082588308978,
  "efc": 0.45028004065781285,
  "fber": 207950.828125,
  "fd_mean": 0.08319788148929229,
  "fd_num": 2,
  "fd_perc": 0.4166666666666667,
  "fwhm_avg": 1.84626899830608,
  "fwhm_x": 1.8528066666666667,
  "fwhm_y": 1.9405366666666666,
  "fwhm_z": 1.745463661584907,
  "gcor": 0.01405,
  "gsr_x": -0.009103693999350071,
  "gsr_y": 0.010537385009229183,
  "provenance": {
    "md5sum": "5abf4a825758ce7012c49ca1d7fb09cc",
    "settings": {
      "fd_thres": 0.2,
      "testing": false
    },
    "software": "mriqc",
    "version": "22.0.0rc1",
    "webapi_port": null,
    "webapi_url": "https://mriqc.nimh.nih.gov/api/v1"
  },
  "size_t": 480,
  "size_x": 80,
  "size_y": 80,
  "size_z": 36,
  "snr": 6.659654164667167,
  "spacing_tr": 0.75,
  "spacing_x": 3.0,
  "spacing_y": 3.0,
  "spacing_z": 3.299999952316284,
  "summary_bg_k": 43.210308346623606,
  "summary_bg_mad": 39.86631874323409,
  "summary_bg_mean": 387.4150085449219,
  "summary_bg_median": 33.98118591308594,
  "summary_bg_n": 150542.0,
  "summary_bg_p05": 1.472752994298935,
  "summary_bg_p95": 2061.1501708984356,
  "summary_bg_stdv": 1076.65576171875,
  "summary_fg_k": 0.7254196369419321,
  "summary_fg_mad": 2320.551907730966,
  "summary_fg_mean": 15945.5986328125,
  "summary_fg_median": 15930.310546875,
  "summary_fg_n": 38286.0,
  "summary_fg_p05": 12173.863525390625,
  "summary_fg_p95": 19815.66455078125,
  "summary_fg_stdv": 2392.031494140625,
  "tsnr": 51.8975830078125
}