{
  "aor": 0.0004708163265306123,
  "aqi": 0.003266152693877551,
  "bids_meta": {
    "AcquisitionNumber": 3,
    "BidsifyVersion": "0.3.5",
    "ConversionSoftware": "dcm2niix",
    "ConversionSoftwareVersion": "v1.0.20181125  GCC6.3.0",
    "EchoTime": 0.02762,
    "EffectiveEchoSpacing": 0.0006621159151938905,
    "ImageComments": "PIOP",
    "ImageOrientationPatientDICOM": [
      0.999487,
      -0.0223992,
      -0.022877,
      0.0153522,
      0.962319,
      -0.271488
    ],
    "Manufacturer": "Philips",
    "NumberOfVolumesDiscardedByScanner": 2,
    "ParallelAcquisitionTechnique": "SENSE",
    "ParallelReductionFactorInPlane": 2,
    "PatientPosition": "HFS",
    "PhaseEncodingDirection": "j",
    "PhilipsRescaleIntercept": 0,
    "PhilipsRescaleSlope": 0.78559,
    "PhilipsScaleSlope": 0.0681475,
    "ProtocolName": "WIPpiopgstroopSENSE",
    "PulseSequenceType": "gradient echo EPI",
    "ReconMatrixPE": 80,
    "RepetitionTime": 2,
    "SeriesDescription": "ImageMRSERIES",
    "SeriesNumber": 3,
    "SliceEncodingDirection": "k",
    "SliceTiming": [
      0.0,
      0.0541,
      0.1081,
      0.1622,
      0.2162,
      0.2703,
      0.3243,
      0.3784,
      0.4324,
      0.4865,
      0.5405,
      0.5946,
      0.6486,
      0.7027,
      0.7568,
      0.8108,
      0.8649,
      0.9189,
      0.973,
      1.027,
      1.0811,
      1.1351,
      1.1892,
      1.2432,
      1.2973,
      1.3514,
      1.4054,
      1.4595,
      1.5135,
      1.5676,
      1.6216,
      1.6757,
      1.7297,
      1.7838,
      1.8378,
      1.8919,
      1.9459
    ],
    "TaskName": "gstroop",
    "TotalReadoutTime": 0.025822520692561732,
    "UsePhilipsFloatNotDisplayScaling": 1,
    "acq_id": "seq",
    "dataset": "ds002785",
    "modality": "bold",
    "subject_id": "0164",
    "task_id": "gstroop"
  },
  "dummy_trs": 0,
  "dvars_nstd": 21.891756675327873,
  "dvars_std": 1.2654711400409848,
  "dvars_vstd": 1.005351729672131,
  "efc": 0.4448989844062202,
  "fber": 166509.390625,
  "fd_mean": 0.08358597695730607,
  "fd_num": 1,
  "fd_perc": 0.40816326530612246,
  "fwhm_avg": 1.7414520283053914,
  "fwhm_x": 1.7389933333333334,
  "fwhm_y": 1.8029566666666668,
  "fwhm_z": 1.682406084916174,
  "gcor": 0.00965443,
  "gsr_x": -0.00901744794100523,
  "gsr_y": 0.010146113112568855,
  "provenance": {
    "md5sum": "b4cc8666b0b5d3a58a7d98ec8af3c492",
    "settings": {
      "fd_thres": 0.2,
      "testing": false
    },
    "software": "mriqc",
    "version": "22.0.0rc1",
    "webapi_port": null,
    "webapi_url": "https://mriqc.nimh.nih.gov/api/v1"
  },
  "size_t": 245,
  "size_x": 80,
  "size_y": 80,
  "size_z": 37,
  "snr": 5.708786672047966,
  "spacing_tr": 2.0,
  "spacing_x": 3.0,
  "spacing_y": 3.0,
  "spacing_z": 3.299999952316284,
  "summary_bg_k": 67.3190059015281,
  "summary_bg_mad": 52.09851097276981,
  "summary_bg_mean": 496.6651611328125,
  "summary_bg_median": 49.50090408325195,
  "summary_bg_n": 155281.0,
  "summary_bg_p05": 4.173604965209961,
  "summary_bg_p95": 2582.166259765625,
  "summary_bg_stdv": 1484.6556396484375,
  "summary_fg_k": 1.6578016593952754,
  "summary_fg_mad": 3348.092251355192,
  "summary_fg_mean": 21087.615234375,
  "summary_fg_median": 20633.4140625,
  "summary_fg_n": 39199.0,
  "summary_fg_p05": 16067.33642578125,
  "summary_fg_p95": 27140.855859375,
  "summary_fg_stdv": 3614.279541015625,
  "tsnr": 90.76358032226562
}