{
  "aor": 0.00023833333333333332,
  "aqi": 0.007642994606060607,
  "bids_meta": {
    "AcquisitionNumber": 2,
    "BidsifyVersion": "0.3.5",
    "ConversionSoftware": "dcm2niix",
    "ConversionSoftwareVersion": "v1.0.20181125  GCC6.3.0",
    "EchoTime": 0.02762,
    "EffectiveEchoSpacing": 0.0006333282667071997,
    "ImageComments": "PIOP",
    "ImageOrientationPatientDICOM": [
      0.999491,
      -0.0219195,
      -0.0231819,
      0.0160502,
      0.973432,
      -0.228413
    ],
    "Manufacturer": "Philips",
    "NumberOfVolumesDiscardedByScanner": 2,
    "ParallelAcquisitionTechnique": "SENSE",
    "ParallelReductionFactorInPlane": 2,
    "PatientPosition": "HFS",
    "PhaseEncodingDirection": "j",
    "PhilipsRescaleIntercept": 0,
    "PhilipsRescaleSlope": 0.77973,
    "PhilipsScaleSlope": 0.0993729,
    "ProtocolName": "WIPpiopfacesSENSE",
    "PulseSequenceType": "gradient echo EPI",
    "ReconMatrixPE": 80,
    "RepetitionTime": 0.75,
    "SeriesDescription": "ImageMRSERIES",
    "SeriesNumber": 2,
    "SliceEncodingDirection": "k",
    "SliceTiming": [
      0.0,
      0.06755050505050506,
      0.1351010101010101,
      0.20265151515151517,
      0.2702020202020202,
      0.3377525252525253,
      0.40530303030303033,
      0.47285353535353536,
      0.5404040404040404,
      0.6079545454545455,
      0.6755050505050506,
      0.7430555555555556,
      0.0,
      0.06755050505050506,
      0.1351010101010101,
      0.20265151515151517,
      0.2702020202020202,
      0.3377525252525253,
      0.40530303030303033,
      0.47285353535353536,
      0.5404040404040404,
      0.6079545454545455,
      0.6755050505050506,
      0.7430555555555556,
      0.0,
      0.06755050505050506,
      0.1351010101010101,
      0.20265151515151517,
      0.2702020202020202,
      0.3377525252525253,
      0.40530303030303033,
      0.47285353535353536,
      0.5404040404040404,
      0.6079545454545455,
      0.6755050505050506,
      0.7430555555555556
    ],
    "TaskName": "faces",
    "TotalReadoutTime": 0.024699802401580786,
    "UsePhilipsFloatNotDisplayScaling": 1,
    "acq_id": "mb3",
    "dataset": "ds002785",
    "modality": "bold",
    "subject_id": "0164",
    "task_id": "faces"
  },
  "dummy_trs": 0,
  "dvars_nstd": 29.000624926261416,
  "dvars_std": 1.1199458678419454,
  "dvars_vstd": 1.0058486270516707,
  "efc": 0.4481131549296305,
  "fber": 210832.734375,
  "fd_mean": 0.08409781238913751,
  "fd_num": 1,
  "fd_perc": 0.30303030303030304,
  "fwhm_avg": 1.8592526347382279,
  "fwhm_x": 1.8810466666666665,
  "fwhm_y": 1.9370233333333333,
  "fwhm_z": 1.7596879042146842,
  "gcor": 0.0120362,
  "gsr_x": -0.008946957066655159,
  "gsr_y": 0.010146473534405231,
  "provenance": {
    "md5sum": "6d0a9c7bb1b766dd2d2230a602740b16",
    "settings": {
      "fd_thres": 0.2,
      "testing": false
    },
    "software": "mriqc",
    "version": "22.0.0rc1",
    "webapi_port": null,
    "webapi_url": "https://mriqc.nimh.nih.gov/api/v1"
  },
  "size_t": 330,
  "size_x": 80,
  "size_y": 80,
  "size_z": 36,
  "snr": 6.525809948447084,
  "spacing_tr": 0.75,
  "spacing_x": 3.0,
  "spacing_y": 3.0,
  "spacing_z": 3.299999952316284,
  "summary_bg_k": 45.91177035971047,
  "summary_bg_mad": 40.57025561162477,
  "summary_bg_mean": 381.42431640625,
  "summary_bg_median": 34.54792785644531,
  "summary_bg_n": 150740.0,
  "summary_bg_p05": 1.3684399068355562,
  "summary_bg_p95": 2002.6333496093723,
  "summary_bg_stdv": 1068.9000244140625,
  "summary_fg_k": 0.5855242632309099,
  "summary_fg_mad": 2451.1591729905795,
  "summary_fg_mean": 16371.724609375,
  "summary_fg_median": 16333.875,
  "summary_fg_n": 38160.0,
  "summary_fg_p05": 12444.381005859375,
  "summary_fg_p95": 20448.333593749998,
  "summary_fg_stdv": 2502.932373046875,
  "tsnr": 55.95603942871094
}