{
  "aor": 0.0013769629629629629,
  "aqi": 0.004152017185185185,
  "bids_meta": {
    "AcquisitionNumber": 5,
    "BidsifyVersion": "0.3.5",
    "ConversionSoftware": "dcm2niix",
    "ConversionSoftwareVersion": "v1.0.20181125  GCC6.3.0",
    "EchoTime": 0.02762,
    "EffectiveEchoSpacing": 0.0006621159151938905,
    "ImageComments": "PIOP",
    "ImageOrientationPatientDICOM": [
      0.994185,
      0.100927,
      -0.0375444,
      -0.107652,
      0.940003,
      -0.323738
    ],
    "Manufacturer": "Philips",
    "NumberOfVolumesDiscardedByScanner": 2,
    "ParallelAcquisitionTechnique": "SENSE",
    "ParallelReductionFactorInPlane": 2,
    "PatientPosition": "HFS",
    "PhaseEncodingDirection": "j",
    "PhilipsRescaleIntercept": 0,
    "PhilipsRescaleSlope": 0.79219,
    "PhilipsScaleSlope": 0.0542467,
    "ProtocolName": "WIPpiopharririSENSE",
    "PulseSequenceType": "gradient echo EPI",
    "ReconMatrixPE": 80,
    "RepetitionTime": 2,
    "SeriesDescription": "ImageMRSERIES",
    "SeriesNumber": 5,
    "SliceEncodingDirection": "k",
    "SliceTiming": [
      0.0,
      0.0541,
      0.1081,
      0.1622,
      0.2162,
      0.2703,
      0.3243,
      0.3784,
      0.4324,
      0.4865,
      0.5405,
      0.5946,
      0.6486,
      0.7027,
      0.7568,
      0.8108,
      0.8649,
      0.9189,
      0.973,
      1.027,
      1.0811,
      1.1351,
      1.1892,
      1.2432,
      1.2973,
      1.3514,
      1.4054,
      1.4595,
      1.5135,
      1.5676,
      1.6216,
      1.6757,
      1.7297,
      1.7838,
      1.8378,
      1.8919,
      1.9459
    ],
    "TaskName": "emomatching",
    "TotalReadoutTime": 0.025822520692561732,
    "UsePhilipsFloatNotDisplayScaling": 1,
    "acq_id": "seq",
    "dataset": "ds002785",
    "modality": "bold",
    "subject_id": "0146",
    "task_id": "emomatching"
  },
  "dummy_trs": 0,
  "dvars_nstd": 20.37304856149254,
  "dvars_std": 1.2658368001492537,
  "dvars_vstd": 1.01207208858209,
  "efc": 0.4600303477766839,
  "fber": 136686.640625,
  "fd_mean": 0.09131132023384379,
  "fd_num": 0,
  "fd_perc": 0.0,
  "fwhm_avg": 1.8381148568792114,
  "fwhm_x": 1.81164,
  "fwhm_y": 1.9598833333333332,
  "fwhm_z": 1.7428212373043008,
  "gcor": 0.0505154,
  "gsr_x": -0.00889220368117094,
  "gsr_y": 0.016827154904603958,
  "provenance": {
    "md5sum": "86ce4123c8d99f004f3246c411566c0d",
    "settings": {
      "fd_thres": 0.2,
      "testing": false
    },
    "software": "mriqc",
    "version": "22.0.0rc1",
    "webapi_port": null,
    "webapi_url": "https://mriqc.nimh.nih.gov/api/v1"
  },
  "size_t": 135,
  "size_x": 80,
  "size_y": 80,
  "size_z": 37,
  "snr": 5.3921393144208,
  "spacing_tr": 2.0,
  "spacing_x": 3.0,
  "spacing_y": 3.0,
  "spacing_z": 3.299999952316284,
  "summary_bg_k": 62.49280474618244,
  "summary_bg_mad": 70.46007602265483,
  "summary_bg_mean": 761.5161743164062,
  "summary_bg_median": 65.45439147949219,
  "summary_bg_n": 153264.0,
  "summary_bg_p05": 4.580047869682312,
  "summary_bg_p95": 4147.235034179688,
  "summary_bg_stdv": 2176.447021484375,
  "summary_fg_k": 2.3571957210410357,
  "summary_fg_mad": 4150.400125333532,
  "summary_fg_mean": 25299.357421875,
  "summary_fg_median": 24923.94140625,
  "summary_fg_n": 39892.0,
  "summary_fg_p05": 18560.71259765625,
  "summary_fg_p95": 32660.45791015625,
  "summary_fg_stdv": 4622.21533203125,
  "tsnr": 83.76718139648438
}