{
  "aor": 0.00032435416666666664,
  "aqi": 0.01792268791666667,
  "bids_meta": {
    "AcquisitionNumber": 6,
    "BidsifyVersion": "0.3.5",
    "ConversionSoftware": "dcm2niix",
    "ConversionSoftwareVersion": "v1.0.20181125  GCC6.3.0",
    "EchoTime": 0.02762,
    "EffectiveEchoSpacing": 0.0006333282667071997,
    "ImageComments": "PIOP",
    "ImageOrientationPatientDICOM": [
      0.994185,
      0.100927,
      -0.0375444,
      -0.107652,
      0.940003,
      -0.323738
    ],
    "Manufacturer": "Philips",
    "NumberOfVolumesDiscardedByScanner": 2,
    "ParallelAcquisitionTechnique": "SENSE",
    "ParallelReductionFactorInPlane": 2,
    "PatientPosition": "HFS",
    "PhaseEncodingDirection": "j",
    "PhilipsRescaleIntercept": 0,
    "PhilipsRescaleSlope": 0.82344,
    "PhilipsScaleSlope": 0.0799736,
    "ProtocolName": "WIPpioprsSENSE",
    "PulseSequenceType": "gradient echo EPI",
    "ReconMatrixPE": 80,
    "RepetitionTime": 0.75,
    "SeriesDescription": "ImageMRSERIES",
    "SeriesNumber": 6,
    "SliceEncodingDirection": "k",
    "SliceTiming": [
      0.0,
      0.06755050505050506,
      0.1351010101010101,
      0.20265151515151517,
      0.2702020202020202,
      0.3377525252525253,
      0.40530303030303033,
      0.47285353535353536,
      0.5404040404040404,
      0.6079545454545455,
      0.6755050505050506,
      0.7430555555555556,
      0.0,
      0.06755050505050506,
      0.1351010101010101,
      0.20265151515151517,
      0.2702020202020202,
      0.3377525252525253,
      0.40530303030303033,
      0.47285353535353536,
      0.5404040404040404,
      0.6079545454545455,
      0.6755050505050506,
      0.7430555555555556,
      0.0,
      0.06755050505050506,
      0.1351010101010101,
      0.20265151515151517,
      0.2702020202020202,
      0.3377525252525253,
      0.40530303030303033,
      0.47285353535353536,
      0.5404040404040404,
      0.6079545454545455,
      0.6755050505050506,
      0.7430555555555556
    ],
    "TaskName": "restingstate",
    "TotalReadoutTime": 0.024699802401580786,
    "UsePhilipsFloatNotDisplayScaling": 1,
    "acq_id": "mb3",
    "dataset": "ds002785",
    "modality": "bold",
    "subject_id": "0146",
    "task_id": "restingstate"
  },
  "dummy_trs": 0,
  "dvars_nstd": 32.597707999206655,
  "dvars_std": 1.1021781501252608,
  "dvars_vstd": 0.94486605691023,
  "efc": 0.4672463308037719,
  "fber": 132566.109375,
  "fd_mean": 0.08909329686232484,
  "fd_num": 12,
  "fd_perc": 2.5,
  "fwhm_avg": 1.8315609173585239,
  "fwhm_x": 1.8211533333333334,
  "fwhm_y": 1.9570233333333331,
  "fwhm_z": 1.7165060854089054,
  "gcor": 0.130559,
  "gsr_x": -0.009795768186450005,
  "gsr_y": 0.014628339558839798,
  "provenance": {
    "md5sum": "ab32f43cc285a06e8e398d8a770d4e8d",
    "settings": {
      "fd_thres": 0.2,
      "testing": false
    },
    "software": "mriqc",
    "version": "22.0.0rc1",
    "webapi_port": null,
    "webapi_url": "https://mriqc.nimh.nih.gov/api/v1"
  },
  "size_t": 480,
  "size_x": 80,
  "size_y": 80,
  "size_z": 36,
  "snr": 6.35161150041438,
  "spacing_tr": 0.75,
  "spacing_x": 3.0,
  "spacing_y": 3.0,
  "spacing_z": 3.299999952316284,
  "summary_bg_k": 41.87883490421857,
  "summary_bg_mad": 57.24147122776655,
  "summary_bg_mean": 589.5156860351562,
  "summary_bg_median": 49.381683349609375,
  "summary_bg_n": 148478.0,
  "summary_bg_p05": 2.9810387730598453,
  "summary_bg_p95": 3189.300708007812,
  "summary_bg_stdv": 1574.3902587890625,
  "summary_fg_k": 1.3675761863445102,
  "summary_fg_mad": 2631.685539118978,
  "summary_fg_mean": 18559.75390625,
  "summary_fg_median": 18577.52734375,
  "summary_fg_n": 38845.0,
  "summary_fg_p05": 13817.941796875,
  "summary_fg_p95": 23208.1078125,
  "summary_fg_stdv": 2924.81494140625,
  "tsnr": 39.02046203613281
}