{
  "aor": 0.0006151999999999999,
  "aqi": 0.007796001349999999,
  "bids_meta": {
    "AcquisitionNumber": 9,
    "BidsifyVersion": "0.3.5",
    "ConversionSoftware": "dcm2niix",
    "ConversionSoftwareVersion": "v1.0.20181125  GCC6.3.0",
    "EchoTime": 0.02762,
    "EffectiveEchoSpacing": 0.0006621159151938905,
    "ImageComments": "PIOP",
    "ImageOrientationPatientDICOM": [
      0.994185,
      0.100927,
      -0.0375444,
      -0.107652,
      0.940003,
      -0.323738
    ],
    "Manufacturer": "Philips",
    "NumberOfVolumesDiscardedByScanner": 2,
    "ParallelAcquisitionTechnique": "SENSE",
    "ParallelReductionFactorInPlane": 2,
    "PatientPosition": "HFS",
    "PhaseEncodingDirection": "j",
    "PhilipsRescaleIntercept": 0,
    "PhilipsRescaleSlope": 0.779,
    "PhilipsScaleSlope": 0.0557566,
    "ProtocolName": "WIPpiopanticipatieSENSE",
    "PulseSequenceType": "gradient echo EPI",
    "ReconMatrixPE": 80,
    "RepetitionTime": 2,
    "SeriesDescription": "ImageMRSERIES",
    "SeriesNumber": 9,
    "SliceEncodingDirection": "k",
    "SliceTiming": [
      0.0,
      0.0541,
      0.1081,
      0.1622,
      0.2162,
      0.2703,
      0.3243,
      0.3784,
      0.4324,
      0.4865,
      0.5405,
      0.5946,
      0.6486,
      0.7027,
      0.7568,
      0.8108,
      0.8649,
      0.9189,
      0.973,
      1.027,
      1.0811,
      1.1351,
      1.1892,
      1.2432,
      1.2973,
      1.3514,
      1.4054,
      1.4595,
      1.5135,
      1.5676,
      1.6216,
      1.6757,
      1.7297,
      1.7838,
      1.8378,
      1.8919,
      1.9459
    ],
    "TaskName": "anticipation",
    "TotalReadoutTime": 0.025822520692561732,
    "UsePhilipsFloatNotDisplayScaling": 1,
    "acq_id": "seq",
    "dataset": "ds002785",
    "modality": "bold",
    "subject_id": "0146",
    "task_id": "anticipation"
  },
  "dummy_trs": 0,
  "dvars_nstd": 21.171962095929654,
  "dvars_std": 1.1778415060804017,
  "dvars_vstd": 0.9605486491457284,
  "efc": 0.46119479466484165,
  "fber": 131908.171875,
  "fd_mean": 0.10378357138987347,
  "fd_num": 14,
  "fd_perc": 7.0,
  "fwhm_avg": 1.8324230386626557,
  "fwhm_x": 1.7957033333333332,
  "fwhm_y": 1.9659566666666668,
  "fwhm_z": 1.7356091159879672,
  "gcor": 0.0442379,
  "gsr_x": -0.008716256357729435,
  "gsr_y": 0.017526786774396896,
  "provenance": {
    "md5sum": "4cc2b5ff701444d757ded98e97d9bb29",
    "settings": {
      "fd_thres": 0.2,
      "testing": false
    },
    "software": "mriqc",
    "version": "22.0.0rc1",
    "webapi_port": null,
    "webapi_url": "https://mriqc.nimh.nih.gov/api/v1"
  },
  "size_t": 200,
  "size_x": 80,
  "size_y": 80,
  "size_z": 37,
  "snr": 5.416405882747372,
  "spacing_tr": 2.0,
  "spacing_x": 3.0,
  "spacing_y": 3.0,
  "spacing_z": 3.299999952316284,
  "summary_bg_k": 61.049070269300316,
  "summary_bg_mad": 70.30690045050785,
  "summary_bg_mean": 752.0208129882812,
  "summary_bg_median": 64.04862213134766,
  "summary_bg_n": 153201.0,
  "summary_bg_p05": 4.612069129943848,
  "summary_bg_p95": 4099.57373046875,
  "summary_bg_stdv": 2130.076904296875,
  "summary_fg_k": 2.393396398251504,
  "summary_fg_mad": 3973.2479823205895,
  "summary_fg_mean": 24389.5,
  "summary_fg_median": 24031.76953125,
  "summary_fg_n": 39968.0,
  "summary_fg_p05": 17899.70458984375,
  "summary_fg_p95": 31491.40966796875,
  "summary_fg_stdv": 4436.79248046875,
  "tsnr": 64.04546356201172
}