{
  "aor": 0.0005037878787878788,
  "aqi": 0.00835215290909091,
  "bids_meta": {
    "AcquisitionNumber": 2,
    "BidsifyVersion": "0.3.5",
    "ConversionSoftware": "dcm2niix",
    "ConversionSoftwareVersion": "v1.0.20181125  GCC6.3.0",
    "EchoTime": 0.02762,
    "EffectiveEchoSpacing": 0.0006333282667071997,
    "ImageComments": "PIOP",
    "ImageOrientationPatientDICOM": [
      0.994185,
      0.100927,
      -0.0375444,
      -0.107652,
      0.940003,
      -0.323738
    ],
    "Manufacturer": "Philips",
    "NumberOfVolumesDiscardedByScanner": 2,
    "ParallelAcquisitionTechnique": "SENSE",
    "ParallelReductionFactorInPlane": 2,
    "PatientPosition": "HFS",
    "PhaseEncodingDirection": "j",
    "PhilipsRescaleIntercept": 0,
    "PhilipsRescaleSlope": 0.79463,
    "PhilipsScaleSlope": 0.0829213,
    "ProtocolName": "WIPpiopfacesSENSE",
    "PulseSequenceType": "gradient echo EPI",
    "ReconMatrixPE": 80,
    "RepetitionTime": 0.75,
    "SeriesDescription": "ImageMRSERIES",
    "SeriesNumber": 2,
    "SliceEncodingDirection": "k",
    "SliceTiming": [
      0.0,
      0.06755050505050506,
      0.1351010101010101,
      0.20265151515151517,
      0.2702020202020202,
      0.3377525252525253,
      0.40530303030303033,
      0.47285353535353536,
      0.5404040404040404,
      0.6079545454545455,
      0.6755050505050506,
      0.7430555555555556,
      0.0,
      0.06755050505050506,
      0.1351010101010101,
      0.20265151515151517,
      0.2702020202020202,
      0.3377525252525253,
      0.40530303030303033,
      0.47285353535353536,
      0.5404040404040404,
      0.6079545454545455,
      0.6755050505050506,
      0.7430555555555556,
      0.0,
      0.06755050505050506,
      0.1351010101010101,
      0.20265151515151517,
      0.2702020202020202,
      0.3377525252525253,
      0.40530303030303033,
      0.47285353535353536,
      0.5404040404040404,
      0.6079545454545455,
      0.6755050505050506,
      0.7430555555555556
    ],
    "TaskName": "faces",
    "TotalReadoutTime": 0.024699802401580786,
    "UsePhilipsFloatNotDisplayScaling": 1,
    "acq_id": "mb3",
    "dataset": "ds002785",
    "modality": "bold",
    "subject_id": "0146",
    "task_id": "faces"
  },
  "dummy_trs": 0,
  "dvars_nstd": 28.530364219118525,
  "dvars_std": 1.2191307797568374,
  "dvars_vstd": 1.004331814072948,
  "efc": 0.4675366549352492,
  "fber": 141790.625,
  "fd_mean": 0.07157172272905378,
  "fd_num": 0,
  "fd_perc": 0.0,
  "fwhm_avg": 2.0844220752860436,
  "fwhm_x": 2.105593333333333,
  "fwhm_y": 2.2416,
  "fwhm_z": 1.9060728925247967,
  "gcor": 0.0227517,
  "gsr_x": -0.010053603909909725,
  "gsr_y": 0.014282540418207645,
  "provenance": {
    "md5sum": "4c91a7fd90ebee6a1c3ca4b2c5ef2a28",
    "settings": {
      "fd_thres": 0.2,
      "testing": false
    },
    "software": "mriqc",
    "version": "22.0.0rc1",
    "webapi_port": null,
    "webapi_url": "https://mriqc.nimh.nih.gov/api/v1"
  },
  "size_t": 330,
  "size_x": 80,
  "size_y": 80,
  "size_z": 36,
  "snr": 6.483284408204734,
  "spacing_tr": 0.75,
  "spacing_x": 3.0,
  "spacing_y": 3.0,
  "spacing_z": 3.299999713897705,
  "summary_bg_k": 44.78138734280742,
  "summary_bg_mad": 58.69934964714573,
  "summary_bg_mean": 582.4345703125,
  "summary_bg_median": 50.57151412963867,
  "summary_bg_n": 148289.0,
  "summary_bg_p05": 3.0739649772644047,
  "summary_bg_p95": 3094.399902343754,
  "summary_bg_stdv": 1529.7926025390625,
  "summary_fg_k": 0.7338237202565705,
  "summary_fg_mad": 2785.9080226255987,
  "summary_fg_mean": 19473.33203125,
  "summary_fg_median": 19461.51953125,
  "summary_fg_n": 39277.0,
  "summary_fg_p05": 14483.9705078125,
  "summary_fg_p95": 24306.232421875,
  "summary_fg_stdv": 3001.76123046875,
  "tsnr": 55.913902282714844
}