{
  "aor": 0.0031771000000000004,
  "aqi": 0.00636393915,
  "bids_meta": {
    "AcquisitionNumber": 9,
    "BidsifyVersion": "0.3.5",
    "ConversionSoftware": "dcm2niix",
    "ConversionSoftwareVersion": "v1.0.20181125  GCC6.3.0",
    "EchoTime": 0.02762,
    "EffectiveEchoSpacing": 0.0006621159151938905,
    "ImageComments": "PIOP",
    "ImageOrientationPatientDICOM": [
      0.998496,
      0.0524103,
      0.016119,
      -0.0470879,
      0.970199,
      -0.237692
    ],
    "Manufacturer": "Philips",
    "NumberOfVolumesDiscardedByScanner": 2,
    "ParallelAcquisitionTechnique": "SENSE",
    "ParallelReductionFactorInPlane": 2,
    "PatientPosition": "HFS",
    "PhaseEncodingDirection": "j",
    "PhilipsRescaleIntercept": 0,
    "PhilipsRescaleSlope": 0.75556,
    "PhilipsScaleSlope": 0.0793451,
    "ProtocolName": "WIPpiopanticipatieSENSE",
    "PulseSequenceType": "gradient echo EPI",
    "ReconMatrixPE": 80,
    "RepetitionTime": 2,
    "SeriesDescription": "ImageMRSERIES",
    "SeriesNumber": 9,
    "SliceEncodingDirection": "k",
    "SliceTiming": [
      0.0,
      0.0541,
      0.1081,
      0.1622,
      0.2162,
      0.2703,
      0.3243,
      0.3784,
      0.4324,
      0.4865,
      0.5405,
      0.5946,
      0.6486,
      0.7027,
      0.7568,
      0.8108,
      0.8649,
      0.9189,
      0.973,
      1.027,
      1.0811,
      1.1351,
      1.1892,
      1.2432,
      1.2973,
      1.3514,
      1.4054,
      1.4595,
      1.5135,
      1.5676,
      1.6216,
      1.6757,
      1.7297,
      1.7838,
      1.8378,
      1.8919,
      1.9459
    ],
    "TaskName": "anticipation",
    "TotalReadoutTime": 0.025822520692561732,
    "UsePhilipsFloatNotDisplayScaling": 1,
    "acq_id": "seq",
    "dataset": "ds002785",
    "modality": "bold",
    "subject_id": "0175",
    "task_id": "anticipation"
  },
  "dummy_trs": 0,
  "dvars_nstd": 27.622278491557772,
  "dvars_std": 1.300409664974875,
  "dvars_vstd": 1.017986140150753,
  "efc": 0.4097410157075389,
  "fber": 153700.03125,
  "fd_mean": 0.2123957667333115,
  "fd_num": 61,
  "fd_perc": 30.5,
  "fwhm_avg": 1.7933258665828717,
  "fwhm_x": 1.7592100000000002,
  "fwhm_y": 1.9604433333333333,
  "fwhm_z": 1.660324266415282,
  "gcor": 0.0340711,
  "gsr_x": -0.015563496388494968,
  "gsr_y": 0.009594295173883438,
  "provenance": {
    "md5sum": "b2d8dda16860b890a240485033d04f92",
    "settings": {
      "fd_thres": 0.2,
      "testing": false
    },
    "software": "mriqc",
    "version": "22.0.0rc1",
    "webapi_port": null,
    "webapi_url": "https://mriqc.nimh.nih.gov/api/v1"
  },
  "size_t": 200,
  "size_x": 80,
  "size_y": 80,
  "size_z": 37,
  "snr": 5.523732721342067,
  "spacing_tr": 2.0,
  "spacing_x": 3.0,
  "spacing_y": 3.0,
  "spacing_z": 3.299999952316284,
  "summary_bg_k": 102.52820449423349,
  "summary_bg_mad": 51.002991883147,
  "summary_bg_mean": 417.71319580078125,
  "summary_bg_median": 47.43680953979492,
  "summary_bg_n": 163447.0,
  "summary_bg_p05": 3.9064278602600098,
  "summary_bg_p95": 1896.1279907226556,
  "summary_bg_stdv": 1333.2955322265625,
  "summary_fg_k": 2.156097166546907,
  "summary_fg_mad": 3107.583477014528,
  "summary_fg_mean": 19284.48046875,
  "summary_fg_median": 18973.779296875,
  "summary_fg_n": 32403.0,
  "summary_fg_p05": 14407.90390625,
  "summary_fg_p95": 25182.3783203125,
  "summary_fg_stdv": 3434.903076171875,
  "tsnr": 66.94662475585938
}