{
  "aor": 0.002249851851851852,
  "aqi": 0.005622409777777779,
  "bids_meta": {
    "AcquisitionNumber": 5,
    "BidsifyVersion": "0.3.5",
    "ConversionSoftware": "dcm2niix",
    "ConversionSoftwareVersion": "v1.0.20181125  GCC6.3.0",
    "EchoTime": 0.02762,
    "EffectiveEchoSpacing": 0.0006621159151938905,
    "ImageComments": "Piop",
    "ImageOrientationPatientDICOM": [
      0.999697,
      -0.0203923,
      -0.0137744,
      0.018497,
      0.991863,
      -0.125956
    ],
    "Manufacturer": "Philips",
    "NumberOfVolumesDiscardedByScanner": 2,
    "ParallelAcquisitionTechnique": "SENSE",
    "ParallelReductionFactorInPlane": 2,
    "PatientPosition": "HFS",
    "PhaseEncodingDirection": "j",
    "PhilipsRescaleIntercept": 0,
    "PhilipsRescaleSlope": 0.77485,
    "PhilipsScaleSlope": 0.0503596,
    "ProtocolName": "WIPpiopharririSENSE",
    "PulseSequenceType": "gradient echo EPI",
    "ReconMatrixPE": 80,
    "RepetitionTime": 2,
    "SeriesDescription": "ImageMRSERIES",
    "SeriesNumber": 5,
    "SliceEncodingDirection": "k",
    "SliceTiming": [
      0.0,
      0.0541,
      0.1081,
      0.1622,
      0.2162,
      0.2703,
      0.3243,
      0.3784,
      0.4324,
      0.4865,
      0.5405,
      0.5946,
      0.6486,
      0.7027,
      0.7568,
      0.8108,
      0.8649,
      0.9189,
      0.973,
      1.027,
      1.0811,
      1.1351,
      1.1892,
      1.2432,
      1.2973,
      1.3514,
      1.4054,
      1.4595,
      1.5135,
      1.5676,
      1.6216,
      1.6757,
      1.7297,
      1.7838,
      1.8378,
      1.8919,
      1.9459
    ],
    "TaskName": "emomatching",
    "TotalReadoutTime": 0.025822520692561732,
    "UsePhilipsFloatNotDisplayScaling": 1,
    "acq_id": "seq",
    "dataset": "ds002785",
    "modality": "bold",
    "subject_id": "0106",
    "task_id": "emomatching"
  },
  "dummy_trs": 0,
  "dvars_nstd": 20.340320715373142,
  "dvars_std": 1.1702255755970146,
  "dvars_vstd": 0.9766309185074629,
  "efc": 0.4011552368711205,
  "fber": 214185.796875,
  "fd_mean": 0.10525235313838982,
  "fd_num": 10,
  "fd_perc": 7.407407407407407,
  "fwhm_avg": 1.8574297055248739,
  "fwhm_x": 1.8070666666666666,
  "fwhm_y": 1.9890133333333333,
  "fwhm_z": 1.7762091165746214,
  "gcor": 0.0326248,
  "gsr_x": -0.016269279643893242,
  "gsr_y": 0.012242424301803112,
  "provenance": {
    "md5sum": "e1a4aeb8f5f62d5a6a7123b26b87d225",
    "settings": {
      "fd_thres": 0.2,
      "testing": false
    },
    "software": "mriqc",
    "version": "22.0.0rc1",
    "webapi_port": null,
    "webapi_url": "https://mriqc.nimh.nih.gov/api/v1"
  },
  "size_t": 135,
  "size_x": 80,
  "size_y": 80,
  "size_z": 37,
  "snr": 5.300063180324074,
  "spacing_tr": 2.0,
  "spacing_x": 3.0,
  "spacing_y": 3.0,
  "spacing_z": 3.299999952316284,
  "summary_bg_k": 58.25311807035623,
  "summary_bg_mad": 61.448748940792704,
  "summary_bg_mean": 418.5919189453125,
  "summary_bg_median": 53.59354782104492,
  "summary_bg_n": 162711.0,
  "summary_bg_p05": 1.1260499954223633,
  "summary_bg_p95": 1963.4053955078125,
  "summary_bg_stdv": 1426.5418701171875,
  "summary_fg_k": 2.2821011240712865,
  "summary_fg_mad": 4300.001059737155,
  "summary_fg_mean": 26507.265625,
  "summary_fg_median": 25890.984375,
  "summary_fg_n": 32930.0,
  "summary_fg_p05": 19906.96162109375,
  "summary_fg_p95": 34970.361328125,
  "summary_fg_stdv": 4884.958984375,
  "tsnr": 74.25048828125
}