{
  "aor": 0.003045142857142858,
  "aqi": 0.012252344938775512,
  "bids_meta": {
    "AcquisitionNumber": 3,
    "BidsifyVersion": "0.3.5",
    "ConversionSoftware": "dcm2niix",
    "ConversionSoftwareVersion": "v1.0.20181125  GCC6.3.0",
    "EchoTime": 0.02762,
    "EffectiveEchoSpacing": 0.0006621159151938905,
    "ImageComments": "Piop",
    "ImageOrientationPatientDICOM": [
      0.999697,
      -0.0203923,
      -0.0137744,
      0.018497,
      0.991863,
      -0.125956
    ],
    "Manufacturer": "Philips",
    "NumberOfVolumesDiscardedByScanner": 2,
    "ParallelAcquisitionTechnique": "SENSE",
    "ParallelReductionFactorInPlane": 2,
    "PatientPosition": "HFS",
    "PhaseEncodingDirection": "j",
    "PhilipsRescaleIntercept": 0,
    "PhilipsRescaleSlope": 0.75702,
    "PhilipsScaleSlope": 0.0503469,
    "ProtocolName": "WIPpiopgstroopSENSE",
    "PulseSequenceType": "gradient echo EPI",
    "ReconMatrixPE": 80,
    "RepetitionTime": 2,
    "SeriesDescription": "ImageMRSERIES",
    "SeriesNumber": 3,
    "SliceEncodingDirection": "k",
    "SliceTiming": [
      0.0,
      0.0541,
      0.1081,
      0.1622,
      0.2162,
      0.2703,
      0.3243,
      0.3784,
      0.4324,
      0.4865,
      0.5405,
      0.5946,
      0.6486,
      0.7027,
      0.7568,
      0.8108,
      0.8649,
      0.9189,
      0.973,
      1.027,
      1.0811,
      1.1351,
      1.1892,
      1.2432,
      1.2973,
      1.3514,
      1.4054,
      1.4595,
      1.5135,
      1.5676,
      1.6216,
      1.6757,
      1.7297,
      1.7838,
      1.8378,
      1.8919,
      1.9459
    ],
    "TaskName": "gstroop",
    "TotalReadoutTime": 0.025822520692561732,
    "UsePhilipsFloatNotDisplayScaling": 1,
    "acq_id": "seq",
    "dataset": "ds002785",
    "modality": "bold",
    "subject_id": "0106",
    "task_id": "gstroop"
  },
  "dummy_trs": 0,
  "dvars_nstd": 19.454633118524608,
  "dvars_std": 1.1080208681967216,
  "dvars_vstd": 0.9536926458606559,
  "efc": 0.4024502289504163,
  "fber": 195911.90625,
  "fd_mean": 0.09631788826069075,
  "fd_num": 14,
  "fd_perc": 5.714285714285714,
  "fwhm_avg": 1.8024729374724309,
  "fwhm_x": 1.7585499999999998,
  "fwhm_y": 1.9506566666666665,
  "fwhm_z": 1.6982121457506258,
  "gcor": 0.0171588,
  "gsr_x": -0.01691454090178013,
  "gsr_y": 0.012181943282485008,
  "provenance": {
    "md5sum": "a66c8045030f2691c75fba1ee2ae1422",
    "settings": {
      "fd_thres": 0.2,
      "testing": false
    },
    "software": "mriqc",
    "version": "22.0.0rc1",
    "webapi_port": null,
    "webapi_url": "https://mriqc.nimh.nih.gov/api/v1"
  },
  "size_t": 245,
  "size_x": 80,
  "size_y": 80,
  "size_z": 37,
  "snr": 5.550216964677828,
  "spacing_tr": 2.0,
  "spacing_x": 3.0,
  "spacing_y": 3.0,
  "spacing_z": 3.299999952316284,
  "summary_bg_k": 55.54887180536001,
  "summary_bg_mad": 62.963390578731264,
  "summary_bg_mean": 423.6266174316406,
  "summary_bg_median": 55.929931640625,
  "summary_bg_n": 162712.0,
  "summary_bg_p05": 2.110908329486847,
  "summary_bg_p95": 1962.924420166015,
  "summary_bg_stdv": 1421.1214599609375,
  "summary_fg_k": 2.50534399040444,
  "summary_fg_mad": 4079.8346302890727,
  "summary_fg_mean": 26233.623046875,
  "summary_fg_median": 25638.23828125,
  "summary_fg_n": 32833.0,
  "summary_fg_p05": 20138.3296875,
  "summary_fg_p95": 34280.19062499999,
  "summary_fg_stdv": 4619.25146484375,
  "tsnr": 56.48284149169922
}