{
  "aor": 0.0044717283950617285,
  "aqi": 0.005092800802469137,
  "bids_meta": {
    "AcquisitionNumber": 8,
    "BidsifyVersion": "0.3.5",
    "ConversionSoftware": "dcm2niix",
    "ConversionSoftwareVersion": "v1.0.20181125  GCC6.3.0",
    "EchoTime": 0.02762,
    "EffectiveEchoSpacing": 0.0006621159151938905,
    "ImageComments": "Piop",
    "ImageOrientationPatientDICOM": [
      0.999697,
      -0.0203923,
      -0.0137744,
      0.018497,
      0.991863,
      -0.125956
    ],
    "Manufacturer": "Philips",
    "NumberOfVolumesDiscardedByScanner": 2,
    "ParallelAcquisitionTechnique": "SENSE",
    "ParallelReductionFactorInPlane": 2,
    "PatientPosition": "HFS",
    "PhaseEncodingDirection": "j",
    "PhilipsRescaleIntercept": 0,
    "PhilipsRescaleSlope": 0.78462,
    "PhilipsScaleSlope": 0.0517634,
    "ProtocolName": "WIPpiopwmSENSE",
    "PulseSequenceType": "gradient echo EPI",
    "ReconMatrixPE": 80,
    "RepetitionTime": 2,
    "SeriesDescription": "ImageMRSERIES",
    "SeriesNumber": 8,
    "SliceEncodingDirection": "k",
    "SliceTiming": [
      0.0,
      0.0541,
      0.1081,
      0.1622,
      0.2162,
      0.2703,
      0.3243,
      0.3784,
      0.4324,
      0.4865,
      0.5405,
      0.5946,
      0.6486,
      0.7027,
      0.7568,
      0.8108,
      0.8649,
      0.9189,
      0.973,
      1.027,
      1.0811,
      1.1351,
      1.1892,
      1.2432,
      1.2973,
      1.3514,
      1.4054,
      1.4595,
      1.5135,
      1.5676,
      1.6216,
      1.6757,
      1.7297,
      1.7838,
      1.8378,
      1.8919,
      1.9459
    ],
    "TaskName": "workingmemory",
    "TotalReadoutTime": 0.025822520692561732,
    "UsePhilipsFloatNotDisplayScaling": 1,
    "acq_id": "seq",
    "dataset": "ds002785",
    "modality": "bold",
    "subject_id": "0106",
    "task_id": "workingmemory"
  },
  "dummy_trs": 0,
  "dvars_nstd": 21.317762421987574,
  "dvars_std": 1.2630943585714285,
  "dvars_vstd": 1.0360119386335405,
  "efc": 0.4026781154471204,
  "fber": 200988.296875,
  "fd_mean": 0.11802712969121687,
  "fd_num": 14,
  "fd_perc": 8.641975308641975,
  "fwhm_avg": 1.8555451601026138,
  "fwhm_x": 1.7912866666666665,
  "fwhm_y": 1.9924366666666666,
  "fwhm_z": 1.782912146974508,
  "gcor": 0.0169647,
  "gsr_x": -0.016368675976991653,
  "gsr_y": 0.012212719768285751,
  "provenance": {
    "md5sum": "d9c457142ef27785f2133049b672a84c",
    "settings": {
      "fd_thres": 0.2,
      "testing": false
    },
    "software": "mriqc",
    "version": "22.0.0rc1",
    "webapi_port": null,
    "webapi_url": "https://mriqc.nimh.nih.gov/api/v1"
  },
  "size_t": 162,
  "size_x": 80,
  "size_y": 80,
  "size_z": 37,
  "snr": 5.342284299243745,
  "spacing_tr": 2.0,
  "spacing_x": 3.0,
  "spacing_y": 3.0,
  "spacing_z": 3.299999952316284,
  "summary_bg_k": 54.56917453470773,
  "summary_bg_mad": 61.229441518437504,
  "summary_bg_mean": 414.2986755371094,
  "summary_bg_median": 53.93315887451172,
  "summary_bg_n": 162443.0,
  "summary_bg_p05": 1.400420081615448,
  "summary_bg_p95": 1985.1706542968727,
  "summary_bg_stdv": 1392.113037109375,
  "summary_fg_k": 2.2351850943061553,
  "summary_fg_mad": 4181.012096725977,
  "summary_fg_mean": 25855.873046875,
  "summary_fg_median": 25272.76171875,
  "summary_fg_n": 33120.0,
  "summary_fg_p05": 19462.17421875,
  "summary_fg_p95": 34088.1345703125,
  "summary_fg_stdv": 4730.6318359375,
  "tsnr": 72.8208236694336
}