{
  "aor": 0.0005381970649895177,
  "aqi": 0.00839400960167715,
  "bids_meta": {
    "AcquisitionNumber": 6,
    "BidsifyVersion": "0.3.5",
    "ConversionSoftware": "dcm2niix",
    "ConversionSoftwareVersion": "v1.0.20181125  GCC6.3.0",
    "EchoTime": 0.02762,
    "EffectiveEchoSpacing": 0.0006333282667071997,
    "ImageComments": "Piop",
    "ImageOrientationPatientDICOM": [
      0.999697,
      -0.0203923,
      -0.0137744,
      0.018497,
      0.991863,
      -0.125956
    ],
    "Manufacturer": "Philips",
    "NumberOfVolumesDiscardedByScanner": 2,
    "ParallelAcquisitionTechnique": "SENSE",
    "ParallelReductionFactorInPlane": 2,
    "PatientPosition": "HFS",
    "PhaseEncodingDirection": "j",
    "PhilipsRescaleIntercept": 0,
    "PhilipsRescaleSlope": 0.79463,
    "PhilipsScaleSlope": 0.0852305,
    "ProtocolName": "WIPpioprsSENSE",
    "PulseSequenceType": "gradient echo EPI",
    "ReconMatrixPE": 80,
    "RepetitionTime": 0.75,
    "SeriesDescription": "ImageMRSERIES",
    "SeriesNumber": 6,
    "SliceEncodingDirection": "k",
    "SliceTiming": [
      0.0,
      0.06755050505050506,
      0.1351010101010101,
      0.20265151515151517,
      0.2702020202020202,
      0.3377525252525253,
      0.40530303030303033,
      0.47285353535353536,
      0.5404040404040404,
      0.6079545454545455,
      0.6755050505050506,
      0.7430555555555556,
      0.0,
      0.06755050505050506,
      0.1351010101010101,
      0.20265151515151517,
      0.2702020202020202,
      0.3377525252525253,
      0.40530303030303033,
      0.47285353535353536,
      0.5404040404040404,
      0.6079545454545455,
      0.6755050505050506,
      0.7430555555555556,
      0.0,
      0.06755050505050506,
      0.1351010101010101,
      0.20265151515151517,
      0.2702020202020202,
      0.3377525252525253,
      0.40530303030303033,
      0.47285353535353536,
      0.5404040404040404,
      0.6079545454545455,
      0.6755050505050506,
      0.7430555555555556
    ],
    "TaskName": "restingstate",
    "TotalReadoutTime": 0.024699802401580786,
    "UsePhilipsFloatNotDisplayScaling": 1,
    "acq_id": "mb3",
    "dataset": "ds002785",
    "modality": "bold",
    "subject_id": "0106",
    "task_id": "restingstate"
  },
  "dummy_trs": 3,
  "dvars_nstd": 22.48039012409662,
  "dvars_std": 1.0641129207142854,
  "dvars_vstd": 0.9994869262184868,
  "efc": 0.40804232830854775,
  "fber": 193216.8125,
  "fd_mean": 0.08231741147581885,
  "fd_num": 12,
  "fd_perc": 2.5157232704402515,
  "fwhm_avg": 1.8528388973115673,
  "fwhm_x": 1.8006333333333335,
  "fwhm_y": 2.009183333333333,
  "fwhm_z": 1.748700025268035,
  "gcor": 0.0137229,
  "gsr_x": -0.01678173430263996,
  "gsr_y": 0.011996474117040634,
  "provenance": {
    "md5sum": "5368b2a68b05106bcee168fbc5b52eb0",
    "settings": {
      "fd_thres": 0.2,
      "testing": false
    },
    "software": "mriqc",
    "version": "22.0.0rc1",
    "webapi_port": null,
    "webapi_url": "https://mriqc.nimh.nih.gov/api/v1"
  },
  "size_t": 477,
  "size_x": 80,
  "size_y": 80,
  "size_z": 36,
  "snr": 6.855780965571415,
  "spacing_tr": 0.75,
  "spacing_x": 3.0,
  "spacing_y": 3.0,
  "spacing_z": 3.299999952316284,
  "summary_bg_k": 53.461429885283636,
  "summary_bg_mad": 44.08748397513361,
  "summary_bg_mean": 290.5064697265625,
  "summary_bg_median": 38.90057373046875,
  "summary_bg_n": 157568.0,
  "summary_bg_p05": 0.9041983455419542,
  "summary_bg_p95": 1361.4838989257812,
  "summary_bg_stdv": 946.1690673828125,
  "summary_fg_k": 1.274046031325307,
  "summary_fg_mad": 2318.3989492359287,
  "summary_fg_mean": 17600.623046875,
  "summary_fg_median": 17485.875,
  "summary_fg_n": 32271.0,
  "summary_fg_p05": 13754.21923828125,
  "summary_fg_p95": 21874.6337890625,
  "summary_fg_stdv": 2550.490478515625,
  "tsnr": 56.79904556274414
}