{
  "aor": 0.0011487272727272726,
  "aqi": 0.008027483484848484,
  "bids_meta": {
    "AcquisitionNumber": 2,
    "BidsifyVersion": "0.3.5",
    "ConversionSoftware": "dcm2niix",
    "ConversionSoftwareVersion": "v1.0.20181125  GCC6.3.0",
    "EchoTime": 0.02762,
    "EffectiveEchoSpacing": 0.0006333282667071997,
    "ImageComments": "Piop",
    "ImageOrientationPatientDICOM": [
      0.998611,
      -0.0467219,
      0.0243389,
      0.0512864,
      0.967807,
      -0.246413
    ],
    "Manufacturer": "Philips",
    "NumberOfVolumesDiscardedByScanner": 2,
    "ParallelAcquisitionTechnique": "SENSE",
    "ParallelReductionFactorInPlane": 2,
    "PatientPosition": "HFS",
    "PhaseEncodingDirection": "j",
    "PhilipsRescaleIntercept": 0,
    "PhilipsRescaleSlope": 0.82076,
    "PhilipsScaleSlope": 0.080957,
    "ProtocolName": "WIPpiopfacesSENSE",
    "PulseSequenceType": "gradient echo EPI",
    "ReconMatrixPE": 80,
    "RepetitionTime": 0.75,
    "SeriesDescription": "ImageMRSERIES",
    "SeriesNumber": 2,
    "SliceEncodingDirection": "k",
    "SliceTiming": [
      0.0,
      0.06755050505050506,
      0.1351010101010101,
      0.20265151515151517,
      0.2702020202020202,
      0.3377525252525253,
      0.40530303030303033,
      0.47285353535353536,
      0.5404040404040404,
      0.6079545454545455,
      0.6755050505050506,
      0.7430555555555556,
      0.0,
      0.06755050505050506,
      0.1351010101010101,
      0.20265151515151517,
      0.2702020202020202,
      0.3377525252525253,
      0.40530303030303033,
      0.47285353535353536,
      0.5404040404040404,
      0.6079545454545455,
      0.6755050505050506,
      0.7430555555555556,
      0.0,
      0.06755050505050506,
      0.1351010101010101,
      0.20265151515151517,
      0.2702020202020202,
      0.3377525252525253,
      0.40530303030303033,
      0.47285353535353536,
      0.5404040404040404,
      0.6079545454545455,
      0.6755050505050506,
      0.7430555555555556
    ],
    "TaskName": "faces",
    "TotalReadoutTime": 0.024699802401580786,
    "UsePhilipsFloatNotDisplayScaling": 1,
    "acq_id": "mb3",
    "dataset": "ds002785",
    "modality": "bold",
    "subject_id": "0102",
    "task_id": "faces"
  },
  "dummy_trs": 0,
  "dvars_nstd": 24.837277275987834,
  "dvars_std": 1.1233840896352583,
  "dvars_vstd": 1.0160736157142853,
  "efc": 0.46450876537674085,
  "fber": 161741.640625,
  "fd_mean": 0.15635843938854574,
  "fd_num": 71,
  "fd_perc": 21.515151515151516,
  "fwhm_avg": 2.1808633904324206,
  "fwhm_x": 2.194193333333333,
  "fwhm_y": 2.372596666666667,
  "fwhm_z": 1.9758001712972615,
  "gcor": 0.0577186,
  "gsr_x": -0.016443632543087006,
  "gsr_y": 0.017229359596967697,
  "provenance": {
    "md5sum": "b204a5c42bd9fa337a3d3f2bbf1e4c31",
    "settings": {
      "fd_thres": 0.2,
      "testing": false
    },
    "software": "mriqc",
    "version": "22.0.0rc1",
    "webapi_port": null,
    "webapi_url": "https://mriqc.nimh.nih.gov/api/v1"
  },
  "size_t": 330,
  "size_x": 80,
  "size_y": 80,
  "size_z": 36,
  "snr": 5.999361084734927,
  "spacing_tr": 0.75,
  "spacing_x": 3.0,
  "spacing_y": 3.0,
  "spacing_z": 3.299999713897705,
  "summary_bg_k": 31.398934057651353,
  "summary_bg_mad": 47.599842799342916,
  "summary_bg_mean": 433.072509765625,
  "summary_bg_median": 44.44118881225586,
  "summary_bg_n": 147391.0,
  "summary_bg_p05": 3.1158727407455444,
  "summary_bg_p95": 2533.612060546875,
  "summary_bg_stdv": 1190.995849609375,
  "summary_fg_k": 0.4628257749658582,
  "summary_fg_mad": 3008.0710423659843,
  "summary_fg_mean": 18487.94140625,
  "summary_fg_median": 18405.92578125,
  "summary_fg_n": 41027.0,
  "summary_fg_p05": 13606.594140625,
  "summary_fg_p95": 23578.197265625,
  "summary_fg_stdv": 3067.943603515625,
  "tsnr": 52.27738571166992
}