{
  "aor": 0.0042764197530864205,
  "aqi": 0.007990686296296295,
  "bids_meta": {
    "AcquisitionNumber": 8,
    "BidsifyVersion": "0.3.5",
    "ConversionSoftware": "dcm2niix",
    "ConversionSoftwareVersion": "v1.0.20181125  GCC6.3.0",
    "EchoTime": 0.02762,
    "EffectiveEchoSpacing": 0.0006621159151938905,
    "ImageComments": "Piop",
    "ImageOrientationPatientDICOM": [
      0.998611,
      -0.0467219,
      0.0243389,
      0.0512864,
      0.967807,
      -0.246413
    ],
    "Manufacturer": "Philips",
    "NumberOfVolumesDiscardedByScanner": 2,
    "ParallelAcquisitionTechnique": "SENSE",
    "ParallelReductionFactorInPlane": 2,
    "PatientPosition": "HFS",
    "PhaseEncodingDirection": "j",
    "PhilipsRescaleIntercept": 0,
    "PhilipsRescaleSlope": 0.77094,
    "PhilipsScaleSlope": 0.0578508,
    "ProtocolName": "WIPpiopwmSENSE",
    "PulseSequenceType": "gradient echo EPI",
    "ReconMatrixPE": 80,
    "RepetitionTime": 2,
    "SeriesDescription": "ImageMRSERIES",
    "SeriesNumber": 8,
    "SliceEncodingDirection": "k",
    "SliceTiming": [
      0.0,
      0.0541,
      0.1081,
      0.1622,
      0.2162,
      0.2703,
      0.3243,
      0.3784,
      0.4324,
      0.4865,
      0.5405,
      0.5946,
      0.6486,
      0.7027,
      0.7568,
      0.8108,
      0.8649,
      0.9189,
      0.973,
      1.027,
      1.0811,
      1.1351,
      1.1892,
      1.2432,
      1.2973,
      1.3514,
      1.4054,
      1.4595,
      1.5135,
      1.5676,
      1.6216,
      1.6757,
      1.7297,
      1.7838,
      1.8378,
      1.8919,
      1.9459
    ],
    "TaskName": "workingmemory",
    "TotalReadoutTime": 0.025822520692561732,
    "UsePhilipsFloatNotDisplayScaling": 1,
    "acq_id": "seq",
    "dataset": "ds002785",
    "modality": "bold",
    "subject_id": "0102",
    "task_id": "workingmemory"
  },
  "dummy_trs": 0,
  "dvars_nstd": 22.340381764534154,
  "dvars_std": 1.0995531354658379,
  "dvars_vstd": 0.9696422578260872,
  "efc": 0.46102459941254426,
  "fber": 159459.453125,
  "fd_mean": 0.15764708063909905,
  "fd_num": 31,
  "fd_perc": 19.135802469135804,
  "fwhm_avg": 1.9035433420143386,
  "fwhm_x": 1.8506933333333333,
  "fwhm_y": 2.0576033333333332,
  "fwhm_z": 1.802333359376349,
  "gcor": 0.0381152,
  "gsr_x": -0.014916941523551941,
  "gsr_y": 0.017350465059280396,
  "provenance": {
    "md5sum": "2c8bd53a054a11f8e4f4669256bd24ba",
    "settings": {
      "fd_thres": 0.2,
      "testing": false
    },
    "software": "mriqc",
    "version": "22.0.0rc1",
    "webapi_port": null,
    "webapi_url": "https://mriqc.nimh.nih.gov/api/v1"
  },
  "size_t": 162,
  "size_x": 80,
  "size_y": 80,
  "size_z": 37,
  "snr": 4.995460620339274,
  "spacing_tr": 2.0,
  "spacing_x": 3.0,
  "spacing_y": 3.0,
  "spacing_z": 3.299999952316284,
  "summary_bg_k": 37.94384123775828,
  "summary_bg_mad": 58.92607449202279,
  "summary_bg_mean": 606.7442626953125,
  "summary_bg_median": 57.71837615966797,
  "summary_bg_n": 151869.0,
  "summary_bg_p05": 5.251070976257324,
  "summary_bg_p95": 3647.0477539062526,
  "summary_bg_stdv": 1763.232421875,
  "summary_fg_k": 1.6667203131219086,
  "summary_fg_mad": 4364.310378818564,
  "summary_fg_mean": 24470.666015625,
  "summary_fg_median": 23950.14453125,
  "summary_fg_n": 42128.0,
  "summary_fg_p05": 17589.1927734375,
  "summary_fg_p95": 32660.845507812504,
  "summary_fg_stdv": 4794.32470703125,
  "tsnr": 57.903228759765625
}