{
  "aor": 0.008147777777777778,
  "aqi": 0.010911732592592593,
  "bids_meta": {
    "AcquisitionNumber": 5,
    "BidsifyVersion": "0.3.5",
    "ConversionSoftware": "dcm2niix",
    "ConversionSoftwareVersion": "v1.0.20181125  GCC6.3.0",
    "EchoTime": 0.02762,
    "EffectiveEchoSpacing": 0.0006621159151938905,
    "ImageComments": "Piop",
    "ImageOrientationPatientDICOM": [
      0.998611,
      -0.0467219,
      0.0243389,
      0.0512864,
      0.967807,
      -0.246413
    ],
    "Manufacturer": "Philips",
    "NumberOfVolumesDiscardedByScanner": 2,
    "ParallelAcquisitionTechnique": "SENSE",
    "ParallelReductionFactorInPlane": 2,
    "PatientPosition": "HFS",
    "PhaseEncodingDirection": "j",
    "PhilipsRescaleIntercept": 0,
    "PhilipsRescaleSlope": 0.76557,
    "PhilipsScaleSlope": 0.0553679,
    "ProtocolName": "WIPpiopharririSENSE",
    "PulseSequenceType": "gradient echo EPI",
    "ReconMatrixPE": 80,
    "RepetitionTime": 2,
    "SeriesDescription": "ImageMRSERIES",
    "SeriesNumber": 5,
    "SliceEncodingDirection": "k",
    "SliceTiming": [
      0.0,
      0.0541,
      0.1081,
      0.1622,
      0.2162,
      0.2703,
      0.3243,
      0.3784,
      0.4324,
      0.4865,
      0.5405,
      0.5946,
      0.6486,
      0.7027,
      0.7568,
      0.8108,
      0.8649,
      0.9189,
      0.973,
      1.027,
      1.0811,
      1.1351,
      1.1892,
      1.2432,
      1.2973,
      1.3514,
      1.4054,
      1.4595,
      1.5135,
      1.5676,
      1.6216,
      1.6757,
      1.7297,
      1.7838,
      1.8378,
      1.8919,
      1.9459
    ],
    "TaskName": "emomatching",
    "TotalReadoutTime": 0.025822520692561732,
    "UsePhilipsFloatNotDisplayScaling": 1,
    "acq_id": "seq",
    "dataset": "ds002785",
    "modality": "bold",
    "subject_id": "0102",
    "task_id": "emomatching"
  },
  "dummy_trs": 0,
  "dvars_nstd": 26.241356344402988,
  "dvars_std": 1.1610281737313437,
  "dvars_vstd": 1.035740271492537,
  "efc": 0.4590945171409571,
  "fber": 156283.0625,
  "fd_mean": 0.2606405684838387,
  "fd_num": 61,
  "fd_perc": 45.18518518518518,
  "fwhm_avg": 1.913563746071863,
  "fwhm_x": 1.8611433333333334,
  "fwhm_y": 2.07366,
  "fwhm_z": 1.8058879048822563,
  "gcor": 0.0479884,
  "gsr_x": -0.01426008716225624,
  "gsr_y": 0.01741296425461769,
  "provenance": {
    "md5sum": "f5ad8ef74374169a6bca250b9aae902f",
    "settings": {
      "fd_thres": 0.2,
      "testing": false
    },
    "software": "mriqc",
    "version": "22.0.0rc1",
    "webapi_port": null,
    "webapi_url": "https://mriqc.nimh.nih.gov/api/v1"
  },
  "size_t": 135,
  "size_x": 80,
  "size_y": 80,
  "size_z": 37,
  "snr": 4.956151364388977,
  "spacing_tr": 2.0,
  "spacing_x": 3.0,
  "spacing_y": 3.0,
  "spacing_z": 3.299999952316284,
  "summary_bg_k": 38.04696114212052,
  "summary_bg_mad": 58.59300592188572,
  "summary_bg_mean": 584.5580444335938,
  "summary_bg_median": 59.178794860839844,
  "summary_bg_n": 151973.0,
  "summary_bg_p05": 6.217964553833008,
  "summary_bg_p95": 3466.259374999996,
  "summary_bg_stdv": 1707.7906494140625,
  "summary_fg_k": 1.7564686272426817,
  "summary_fg_mad": 4458.782834636426,
  "summary_fg_mean": 24825.580078125,
  "summary_fg_median": 24302.46484375,
  "summary_fg_n": 42074.0,
  "summary_fg_p05": 17830.96552734375,
  "summary_fg_p95": 33101.262109375,
  "summary_fg_stdv": 4903.43701171875,
  "tsnr": 48.31290054321289
}