{
  "aor": 0.003901877551020408,
  "aqi": 0.016788345755102043,
  "bids_meta": {
    "AcquisitionNumber": 3,
    "BidsifyVersion": "0.3.5",
    "ConversionSoftware": "dcm2niix",
    "ConversionSoftwareVersion": "v1.0.20181125  GCC6.3.0",
    "EchoTime": 0.02762,
    "EffectiveEchoSpacing": 0.0006621159151938905,
    "ImageComments": "PIOP",
    "ImageOrientationPatientDICOM": [
      0.997254,
      0.0617491,
      -0.0408909,
      -0.0634409,
      0.997124,
      -0.0414557
    ],
    "Manufacturer": "Philips",
    "NumberOfVolumesDiscardedByScanner": 2,
    "ParallelAcquisitionTechnique": "SENSE",
    "ParallelReductionFactorInPlane": 2,
    "PatientPosition": "HFS",
    "PhaseEncodingDirection": "j",
    "PhilipsRescaleIntercept": 0,
    "PhilipsRescaleSlope": 0.82613,
    "PhilipsScaleSlope": 0.0511236,
    "ProtocolName": "WIPpiopgstroopSENSE",
    "PulseSequenceType": "gradient echo EPI",
    "ReconMatrixPE": 80,
    "RepetitionTime": 2,
    "SeriesDescription": "ImageMRSERIES",
    "SeriesNumber": 3,
    "SliceEncodingDirection": "k",
    "SliceTiming": [
      0.0,
      0.0541,
      0.1081,
      0.1622,
      0.2162,
      0.2703,
      0.3243,
      0.3784,
      0.4324,
      0.4865,
      0.5405,
      0.5946,
      0.6486,
      0.7027,
      0.7568,
      0.8108,
      0.8649,
      0.9189,
      0.973,
      1.027,
      1.0811,
      1.1351,
      1.1892,
      1.2432,
      1.2973,
      1.3514,
      1.4054,
      1.4595,
      1.5135,
      1.5676,
      1.6216,
      1.6757,
      1.7297,
      1.7838,
      1.8378,
      1.8919,
      1.9459
    ],
    "TaskName": "gstroop",
    "TotalReadoutTime": 0.025822520692561732,
    "UsePhilipsFloatNotDisplayScaling": 1,
    "acq_id": "seq",
    "dataset": "ds002785",
    "modality": "bold",
    "subject_id": "0088",
    "task_id": "gstroop"
  },
  "dummy_trs": 0,
  "dvars_nstd": 28.08436501586066,
  "dvars_std": 1.1930722810655736,
  "dvars_vstd": 0.9724754746311479,
  "efc": 0.4670069341514089,
  "fber": 166742.296875,
  "fd_mean": 0.18289442872030517,
  "fd_num": 72,
  "fd_perc": 29.387755102040817,
  "fwhm_avg": 1.8343473818489622,
  "fwhm_x": 1.7567433333333333,
  "fwhm_y": 2.062186666666667,
  "fwhm_z": 1.6841121455468864,
  "gcor": 0.0223234,
  "gsr_x": -0.017740273848176003,
  "gsr_y": 0.023687949404120445,
  "provenance": {
    "md5sum": "2497fa410bd207a96c31ba611f19888e",
    "settings": {
      "fd_thres": 0.2,
      "testing": false
    },
    "software": "mriqc",
    "version": "22.0.0rc1",
    "webapi_port": null,
    "webapi_url": "https://mriqc.nimh.nih.gov/api/v1"
  },
  "size_t": 245,
  "size_x": 80,
  "size_y": 80,
  "size_z": 37,
  "snr": 5.335360400986455,
  "spacing_tr": 2.0,
  "spacing_x": 3.0,
  "spacing_y": 3.0,
  "spacing_z": 3.299999952316284,
  "summary_bg_k": 39.883417916515995,
  "summary_bg_mad": 64.96492958983552,
  "summary_bg_mean": 727.8427124023438,
  "summary_bg_median": 59.568477630615234,
  "summary_bg_n": 151791.0,
  "summary_bg_p05": 4.664134502410889,
  "summary_bg_p95": 4536.79345703125,
  "summary_bg_stdv": 1995.5894775390625,
  "summary_fg_k": 2.6401347046875925,
  "summary_fg_mad": 4101.7913320895,
  "summary_fg_mean": 25510.775390625,
  "summary_fg_median": 25014.048828125,
  "summary_fg_n": 42726.0,
  "summary_fg_p05": 19092.0400390625,
  "summary_fg_p95": 33277.6298828125,
  "summary_fg_stdv": 4688.29736328125,
  "tsnr": 47.3210563659668
}