{
  "aor": 0.007331234567901235,
  "aqi": 0.014527975432098767,
  "bids_meta": {
    "AcquisitionNumber": 8,
    "BidsifyVersion": "0.3.5",
    "ConversionSoftware": "dcm2niix",
    "ConversionSoftwareVersion": "v1.0.20181125  GCC6.3.0",
    "EchoTime": 0.02762,
    "EffectiveEchoSpacing": 0.0006621159151938905,
    "ImageComments": "PIOP",
    "ImageOrientationPatientDICOM": [
      0.997254,
      0.0617491,
      -0.0408909,
      -0.0634409,
      0.997124,
      -0.0414557
    ],
    "Manufacturer": "Philips",
    "NumberOfVolumesDiscardedByScanner": 2,
    "ParallelAcquisitionTechnique": "SENSE",
    "ParallelReductionFactorInPlane": 2,
    "PatientPosition": "HFS",
    "PhaseEncodingDirection": "j",
    "PhilipsRescaleIntercept": 0,
    "PhilipsRescaleSlope": 0.79878,
    "PhilipsScaleSlope": 0.0525061,
    "ProtocolName": "WIPpiopwmSENSE",
    "PulseSequenceType": "gradient echo EPI",
    "ReconMatrixPE": 80,
    "RepetitionTime": 2,
    "SeriesDescription": "ImageMRSERIES",
    "SeriesNumber": 8,
    "SliceEncodingDirection": "k",
    "SliceTiming": [
      0.0,
      0.0541,
      0.1081,
      0.1622,
      0.2162,
      0.2703,
      0.3243,
      0.3784,
      0.4324,
      0.4865,
      0.5405,
      0.5946,
      0.6486,
      0.7027,
      0.7568,
      0.8108,
      0.8649,
      0.9189,
      0.973,
      1.027,
      1.0811,
      1.1351,
      1.1892,
      1.2432,
      1.2973,
      1.3514,
      1.4054,
      1.4595,
      1.5135,
      1.5676,
      1.6216,
      1.6757,
      1.7297,
      1.7838,
      1.8378,
      1.8919,
      1.9459
    ],
    "TaskName": "workingmemory",
    "TotalReadoutTime": 0.025822520692561732,
    "UsePhilipsFloatNotDisplayScaling": 1,
    "acq_id": "seq",
    "dataset": "ds002785",
    "modality": "bold",
    "subject_id": "0088",
    "task_id": "workingmemory"
  },
  "dummy_trs": 0,
  "dvars_nstd": 29.09641137875778,
  "dvars_std": 1.1753409366459626,
  "dvars_vstd": 1.0079023970186338,
  "efc": 0.46705550344922986,
  "fber": 157976.421875,
  "fd_mean": 0.274152523114472,
  "fd_num": 67,
  "fd_perc": 41.358024691358025,
  "fwhm_avg": 1.8807804124426337,
  "fwhm_x": 1.7935133333333333,
  "fwhm_y": 2.104373333333333,
  "fwhm_z": 1.7444545706612353,
  "gcor": 0.0266907,
  "gsr_x": -0.017859414219856262,
  "gsr_y": 0.023971280083060265,
  "provenance": {
    "md5sum": "7bfc6cda1da62a84317de28c828d6e2d",
    "settings": {
      "fd_thres": 0.2,
      "testing": false
    },
    "software": "mriqc",
    "version": "22.0.0rc1",
    "webapi_port": null,
    "webapi_url": "https://mriqc.nimh.nih.gov/api/v1"
  },
  "size_t": 162,
  "size_x": 80,
  "size_y": 80,
  "size_z": 37,
  "snr": 5.1621136412904685,
  "spacing_tr": 2.0,
  "spacing_x": 3.0,
  "spacing_y": 3.0,
  "spacing_z": 3.299999952316284,
  "summary_bg_k": 33.9340601842933,
  "summary_bg_mad": 65.47857266723749,
  "summary_bg_mean": 737.410400390625,
  "summary_bg_median": 59.58639144897461,
  "summary_bg_n": 151867.0,
  "summary_bg_p05": 4.385792827606202,
  "summary_bg_p95": 4724.535449218739,
  "summary_bg_stdv": 2000.0699462890625,
  "summary_fg_k": 2.42902799760033,
  "summary_fg_mad": 4160.413481723361,
  "summary_fg_mean": 25005.466796875,
  "summary_fg_median": 24484.705078125,
  "summary_fg_n": 42449.0,
  "summary_fg_p05": 18411.83984375,
  "summary_fg_p95": 32847.83046875,
  "summary_fg_stdv": 4743.09912109375,
  "tsnr": 47.34302520751953
}