{
  "aor": 0.005884518518518519,
  "aqi": 0.012485784296296295,
  "bids_meta": {
    "AcquisitionNumber": 5,
    "BidsifyVersion": "0.3.5",
    "ConversionSoftware": "dcm2niix",
    "ConversionSoftwareVersion": "v1.0.20181125  GCC6.3.0",
    "EchoTime": 0.02762,
    "EffectiveEchoSpacing": 0.0006621159151938905,
    "ImageComments": "PIOP",
    "ImageOrientationPatientDICOM": [
      0.997254,
      0.0617491,
      -0.0408909,
      -0.0634409,
      0.997124,
      -0.0414557
    ],
    "Manufacturer": "Philips",
    "NumberOfVolumesDiscardedByScanner": 2,
    "ParallelAcquisitionTechnique": "SENSE",
    "ParallelReductionFactorInPlane": 2,
    "PatientPosition": "HFS",
    "PhaseEncodingDirection": "j",
    "PhilipsRescaleIntercept": 0,
    "PhilipsRescaleSlope": 0.7663,
    "PhilipsScaleSlope": 0.055957,
    "ProtocolName": "WIPpiopharririSENSE",
    "PulseSequenceType": "gradient echo EPI",
    "ReconMatrixPE": 80,
    "RepetitionTime": 2,
    "SeriesDescription": "ImageMRSERIES",
    "SeriesNumber": 5,
    "SliceEncodingDirection": "k",
    "SliceTiming": [
      0.0,
      0.0541,
      0.1081,
      0.1622,
      0.2162,
      0.2703,
      0.3243,
      0.3784,
      0.4324,
      0.4865,
      0.5405,
      0.5946,
      0.6486,
      0.7027,
      0.7568,
      0.8108,
      0.8649,
      0.9189,
      0.973,
      1.027,
      1.0811,
      1.1351,
      1.1892,
      1.2432,
      1.2973,
      1.3514,
      1.4054,
      1.4595,
      1.5135,
      1.5676,
      1.6216,
      1.6757,
      1.7297,
      1.7838,
      1.8378,
      1.8919,
      1.9459
    ],
    "TaskName": "emomatching",
    "TotalReadoutTime": 0.025822520692561732,
    "UsePhilipsFloatNotDisplayScaling": 1,
    "acq_id": "seq",
    "dataset": "ds002785",
    "modality": "bold",
    "subject_id": "0088",
    "task_id": "emomatching"
  },
  "dummy_trs": 0,
  "dvars_nstd": 27.478815634029843,
  "dvars_std": 1.2365900570149253,
  "dvars_vstd": 1.0211967308955223,
  "efc": 0.466132686790632,
  "fber": 159731.15625,
  "fd_mean": 0.23236787809829418,
  "fd_num": 53,
  "fd_perc": 39.25925925925926,
  "fwhm_avg": 1.8756611195355555,
  "fwhm_x": 1.7893266666666667,
  "fwhm_y": 2.08859,
  "fwhm_z": 1.7490666919399995,
  "gcor": 0.0377474,
  "gsr_x": -0.018012287095189095,
  "gsr_y": 0.024157557636499405,
  "provenance": {
    "md5sum": "f927f6d780e248bffef0286b5b99d947",
    "settings": {
      "fd_thres": 0.2,
      "testing": false
    },
    "software": "mriqc",
    "version": "22.0.0rc1",
    "webapi_port": null,
    "webapi_url": "https://mriqc.nimh.nih.gov/api/v1"
  },
  "size_t": 135,
  "size_x": 80,
  "size_y": 80,
  "size_z": 37,
  "snr": 5.152342331345175,
  "spacing_tr": 2.0,
  "spacing_x": 3.0,
  "spacing_y": 3.0,
  "spacing_z": 3.299999952316284,
  "summary_bg_k": 36.072486670907296,
  "summary_bg_mad": 66.43326960075859,
  "summary_bg_mean": 739.4805908203125,
  "summary_bg_median": 60.59797668457031,
  "summary_bg_n": 152042.0,
  "summary_bg_p05": 4.62459945678711,
  "summary_bg_p95": 4710.810107421868,
  "summary_bg_stdv": 2009.391357421875,
  "summary_fg_k": 2.3459995771463493,
  "summary_fg_mad": 4261.783512706223,
  "summary_fg_mean": 25514.44921875,
  "summary_fg_median": 24986.578125,
  "summary_fg_n": 42496.0,
  "summary_fg_p05": 18774.69873046875,
  "summary_fg_p95": 33576.1748046875,
  "summary_fg_stdv": 4849.5,
  "tsnr": 50.554298400878906
}