{
  "aor": 0.015067299999999999,
  "aqi": 0.0148945265,
  "bids_meta": {
    "AcquisitionNumber": 9,
    "BidsifyVersion": "0.3.5",
    "ConversionSoftware": "dcm2niix",
    "ConversionSoftwareVersion": "v1.0.20181125  GCC6.3.0",
    "EchoTime": 0.02762,
    "EffectiveEchoSpacing": 0.0006621159151938905,
    "ImageComments": "PIOP",
    "ImageOrientationPatientDICOM": [
      0.997254,
      0.0617491,
      -0.0408909,
      -0.0634409,
      0.997124,
      -0.0414557
    ],
    "Manufacturer": "Philips",
    "NumberOfVolumesDiscardedByScanner": 2,
    "ParallelAcquisitionTechnique": "SENSE",
    "ParallelReductionFactorInPlane": 2,
    "PatientPosition": "HFS",
    "PhaseEncodingDirection": "j",
    "PhilipsRescaleIntercept": 0,
    "PhilipsRescaleSlope": 0.74212,
    "PhilipsScaleSlope": 0.0588278,
    "ProtocolName": "WIPpiopanticipatieSENSE",
    "PulseSequenceType": "gradient echo EPI",
    "ReconMatrixPE": 80,
    "RepetitionTime": 2,
    "SeriesDescription": "ImageMRSERIES",
    "SeriesNumber": 9,
    "SliceEncodingDirection": "k",
    "SliceTiming": [
      0.0,
      0.0541,
      0.1081,
      0.1622,
      0.2162,
      0.2703,
      0.3243,
      0.3784,
      0.4324,
      0.4865,
      0.5405,
      0.5946,
      0.6486,
      0.7027,
      0.7568,
      0.8108,
      0.8649,
      0.9189,
      0.973,
      1.027,
      1.0811,
      1.1351,
      1.1892,
      1.2432,
      1.2973,
      1.3514,
      1.4054,
      1.4595,
      1.5135,
      1.5676,
      1.6216,
      1.6757,
      1.7297,
      1.7838,
      1.8378,
      1.8919,
      1.9459
    ],
    "TaskName": "anticipation",
    "TotalReadoutTime": 0.025822520692561732,
    "UsePhilipsFloatNotDisplayScaling": 1,
    "acq_id": "seq",
    "dataset": "ds002785",
    "modality": "bold",
    "subject_id": "0088",
    "task_id": "anticipation"
  },
  "dummy_trs": 0,
  "dvars_nstd": 31.322500257738703,
  "dvars_std": 1.2861375306030147,
  "dvars_vstd": 1.102141630100502,
  "efc": 0.46677775031119045,
  "fber": 136839.015625,
  "fd_mean": 0.36451816295014944,
  "fd_num": 107,
  "fd_perc": 53.5,
  "fwhm_avg": 1.8514488968950973,
  "fwhm_x": 1.7925933333333333,
  "fwhm_y": 2.09952,
  "fwhm_z": 1.6622333573519583,
  "gcor": 0.0414002,
  "gsr_x": -0.017821282148361206,
  "gsr_y": 0.02393071912229061,
  "provenance": {
    "md5sum": "b715afca3453cef75bd357f8397ff61b",
    "settings": {
      "fd_thres": 0.2,
      "testing": false
    },
    "software": "mriqc",
    "version": "22.0.0rc1",
    "webapi_port": null,
    "webapi_url": "https://mriqc.nimh.nih.gov/api/v1"
  },
  "size_t": 200,
  "size_x": 80,
  "size_y": 80,
  "size_z": 37,
  "snr": 5.202406521398101,
  "spacing_tr": 2.0,
  "spacing_x": 3.0,
  "spacing_y": 3.0,
  "spacing_z": 3.299999952316284,
  "summary_bg_k": 34.5773315066916,
  "summary_bg_mad": 79.3540279780912,
  "summary_bg_mean": 741.7841796875,
  "summary_bg_median": 64.74049377441406,
  "summary_bg_n": 152043.0,
  "summary_bg_p05": 3.0851808547973634,
  "summary_bg_p95": 4717.81748046875,
  "summary_bg_stdv": 1980.5484619140625,
  "summary_fg_k": 2.446219883607043,
  "summary_fg_mad": 4089.147225474061,
  "summary_fg_mean": 24853.224609375,
  "summary_fg_median": 24327.84765625,
  "summary_fg_n": 42351.0,
  "summary_fg_p05": 18424.23828125,
  "summary_fg_p95": 32663.76171875,
  "summary_fg_stdv": 4676.212890625,
  "tsnr": 44.54267120361328
}