{
  "aor": 0.0019663914373088684,
  "aqi": 0.014141585963302753,
  "bids_meta": {
    "AcquisitionNumber": 2,
    "BidsifyVersion": "0.3.5",
    "ConversionSoftware": "dcm2niix",
    "ConversionSoftwareVersion": "v1.0.20181125  GCC6.3.0",
    "EchoTime": 0.02762,
    "EffectiveEchoSpacing": 0.0006333282667071997,
    "ImageComments": "PIOP",
    "ImageOrientationPatientDICOM": [
      0.997254,
      0.0617491,
      -0.0408909,
      -0.0634409,
      0.997124,
      -0.0414557
    ],
    "Manufacturer": "Philips",
    "NumberOfVolumesDiscardedByScanner": 2,
    "ParallelAcquisitionTechnique": "SENSE",
    "ParallelReductionFactorInPlane": 2,
    "PatientPosition": "HFS",
    "PhaseEncodingDirection": "j",
    "PhilipsRescaleIntercept": 0,
    "PhilipsRescaleSlope": 0.79219,
    "PhilipsScaleSlope": 0.0794645,
    "ProtocolName": "WIPpiopfacesSENSE",
    "PulseSequenceType": "gradient echo EPI",
    "ReconMatrixPE": 80,
    "RepetitionTime": 0.75,
    "SeriesDescription": "ImageMRSERIES",
    "SeriesNumber": 2,
    "SliceEncodingDirection": "k",
    "SliceTiming": [
      0.0,
      0.06755050505050506,
      0.1351010101010101,
      0.20265151515151517,
      0.2702020202020202,
      0.3377525252525253,
      0.40530303030303033,
      0.47285353535353536,
      0.5404040404040404,
      0.6079545454545455,
      0.6755050505050506,
      0.7430555555555556,
      0.0,
      0.06755050505050506,
      0.1351010101010101,
      0.20265151515151517,
      0.2702020202020202,
      0.3377525252525253,
      0.40530303030303033,
      0.47285353535353536,
      0.5404040404040404,
      0.6079545454545455,
      0.6755050505050506,
      0.7430555555555556,
      0.0,
      0.06755050505050506,
      0.1351010101010101,
      0.20265151515151517,
      0.2702020202020202,
      0.3377525252525253,
      0.40530303030303033,
      0.47285353535353536,
      0.5404040404040404,
      0.6079545454545455,
      0.6755050505050506,
      0.7430555555555556
    ],
    "TaskName": "faces",
    "TotalReadoutTime": 0.024699802401580786,
    "UsePhilipsFloatNotDisplayScaling": 1,
    "acq_id": "mb3",
    "dataset": "ds002785",
    "modality": "bold",
    "subject_id": "0088",
    "task_id": "faces"
  },
  "dummy_trs": 3,
  "dvars_nstd": 24.32788044978527,
  "dvars_std": 1.0845426416257666,
  "dvars_vstd": 0.9916680499693259,
  "efc": 0.47582909972918874,
  "fber": 164745.1875,
  "fd_mean": 0.14452704883118989,
  "fd_num": 53,
  "fd_perc": 16.207951070336392,
  "fwhm_avg": 2.040792274522112,
  "fwhm_x": 2.028376666666667,
  "fwhm_y": 2.284266666666667,
  "fwhm_z": 1.8097334902330016,
  "gcor": 0.0203101,
  "gsr_x": -0.01936952769756317,
  "gsr_y": 0.022726453840732574,
  "provenance": {
    "md5sum": "f8fec4e10e1dadc5a823b0c3eb220beb",
    "settings": {
      "fd_thres": 0.2,
      "testing": false
    },
    "software": "mriqc",
    "version": "22.0.0rc1",
    "webapi_port": null,
    "webapi_url": "https://mriqc.nimh.nih.gov/api/v1"
  },
  "size_t": 327,
  "size_x": 80,
  "size_y": 80,
  "size_z": 36,
  "snr": 6.563061235960822,
  "spacing_tr": 0.75,
  "spacing_x": 3.0,
  "spacing_y": 3.0,
  "spacing_z": 3.299999713897705,
  "summary_bg_k": 27.23521946198865,
  "summary_bg_mad": 55.17176714998696,
  "summary_bg_mean": 572.3077392578125,
  "summary_bg_median": 47.50774383544922,
  "summary_bg_n": 146905.0,
  "summary_bg_p05": 3.349496173858644,
  "summary_bg_p95": 3422.225634765625,
  "summary_bg_stdv": 1450.1165771484375,
  "summary_fg_k": 1.0728828143606934,
  "summary_fg_mad": 2761.1859202027636,
  "summary_fg_mean": 19409.125,
  "summary_fg_median": 19354.484375,
  "summary_fg_n": 42094.0,
  "summary_fg_p05": 14680.992236328126,
  "summary_fg_p95": 24234.4515625,
  "summary_fg_stdv": 2948.967529296875,
  "tsnr": 49.166534423828125
}