{
  "aor": 0.00225735,
  "aqi": 0.0048341636,
  "bids_meta": {
    "AcquisitionNumber": 9,
    "BidsifyVersion": "0.3.5",
    "ConversionSoftware": "dcm2niix",
    "ConversionSoftwareVersion": "v1.0.20181125  GCC6.3.0",
    "EchoTime": 0.02762,
    "EffectiveEchoSpacing": 0.0006621159151938905,
    "ImageComments": "Piop",
    "ImageOrientationPatientDICOM": [
      0.993381,
      -0.101647,
      0.0535051,
      0.11406,
      0.928043,
      -0.354579
    ],
    "Manufacturer": "Philips",
    "NumberOfVolumesDiscardedByScanner": 2,
    "ParallelAcquisitionTechnique": "SENSE",
    "ParallelReductionFactorInPlane": 2,
    "PatientPosition": "HFS",
    "PhaseEncodingDirection": "j",
    "PhilipsRescaleIntercept": 0,
    "PhilipsRescaleSlope": 0.79219,
    "PhilipsScaleSlope": 0.0632675,
    "ProtocolName": "WIPpiopanticipatieSENSE",
    "PulseSequenceType": "gradient echo EPI",
    "ReconMatrixPE": 80,
    "RepetitionTime": 2,
    "SeriesDescription": "ImageMRSERIES",
    "SeriesNumber": 9,
    "SliceEncodingDirection": "k",
    "SliceTiming": [
      0.0,
      0.0541,
      0.1081,
      0.1622,
      0.2162,
      0.2703,
      0.3243,
      0.3784,
      0.4324,
      0.4865,
      0.5405,
      0.5946,
      0.6486,
      0.7027,
      0.7568,
      0.8108,
      0.8649,
      0.9189,
      0.973,
      1.027,
      1.0811,
      1.1351,
      1.1892,
      1.2432,
      1.2973,
      1.3514,
      1.4054,
      1.4595,
      1.5135,
      1.5676,
      1.6216,
      1.6757,
      1.7297,
      1.7838,
      1.8378,
      1.8919,
      1.9459
    ],
    "TaskName": "anticipation",
    "TotalReadoutTime": 0.025822520692561732,
    "UsePhilipsFloatNotDisplayScaling": 1,
    "acq_id": "seq",
    "dataset": "ds002785",
    "modality": "bold",
    "subject_id": "0192",
    "task_id": "anticipation"
  },
  "dummy_trs": 0,
  "dvars_nstd": 25.318950518994974,
  "dvars_std": 1.3073644727135683,
  "dvars_vstd": 1.0168039962311561,
  "efc": 0.4160727412716297,
  "fber": 136718.578125,
  "fd_mean": 0.2127588198106383,
  "fd_num": 91,
  "fd_perc": 45.5,
  "fwhm_avg": 1.8665642509697715,
  "fwhm_x": 1.8659466666666666,
  "fwhm_y": 1.9595399999999998,
  "fwhm_z": 1.774206086242648,
  "gcor": 0.0321383,
  "gsr_x": -0.018215522170066833,
  "gsr_y": 0.015516110695898533,
  "provenance": {
    "md5sum": "87bbf7f42252b839b0d055f754c02746",
    "settings": {
      "fd_thres": 0.2,
      "testing": false
    },
    "software": "mriqc",
    "version": "22.0.0rc1",
    "webapi_port": null,
    "webapi_url": "https://mriqc.nimh.nih.gov/api/v1"
  },
  "size_t": 200,
  "size_x": 80,
  "size_y": 80,
  "size_z": 37,
  "snr": 5.179996393403722,
  "spacing_tr": 2.0,
  "spacing_x": 3.0,
  "spacing_y": 3.0,
  "spacing_z": 3.299999952316284,
  "summary_bg_k": 71.15051910786536,
  "summary_bg_mad": 58.066677157319035,
  "summary_bg_mean": 503.4725646972656,
  "summary_bg_median": 58.53340148925781,
  "summary_bg_n": 162169.0,
  "summary_bg_p05": 6.317657089233399,
  "summary_bg_p95": 2477.6818359375025,
  "summary_bg_stdv": 1456.6312255859375,
  "summary_fg_k": 1.7764368509553101,
  "summary_fg_mad": 3996.64674643511,
  "summary_fg_mean": 22709.529296875,
  "summary_fg_median": 22279.208984375,
  "summary_fg_n": 33469.0,
  "summary_fg_p05": 16566.94765625,
  "summary_fg_p95": 29775.996484374995,
  "summary_fg_stdv": 4300.9443359375,
  "tsnr": 75.46207427978516
}