{
  "aor": 0.0016011194029850744,
  "aqi": 0.004104972985074627,
  "bids_meta": {
    "AcquisitionNumber": 5,
    "BidsifyVersion": "0.3.5",
    "ConversionSoftware": "dcm2niix",
    "ConversionSoftwareVersion": "v1.0.20181125  GCC6.3.0",
    "EchoTime": 0.02762,
    "EffectiveEchoSpacing": 0.0006621159151938905,
    "ImageComments": "Piop",
    "ImageOrientationPatientDICOM": [
      0.993381,
      -0.101647,
      0.0535051,
      0.11406,
      0.928043,
      -0.354579
    ],
    "Manufacturer": "Philips",
    "NumberOfVolumesDiscardedByScanner": 2,
    "ParallelAcquisitionTechnique": "SENSE",
    "ParallelReductionFactorInPlane": 2,
    "PatientPosition": "HFS",
    "PhaseEncodingDirection": "j",
    "PhilipsRescaleIntercept": 0,
    "PhilipsRescaleSlope": 0.78144,
    "PhilipsScaleSlope": 0.0636625,
    "ProtocolName": "WIPpiopharririSENSE",
    "PulseSequenceType": "gradient echo EPI",
    "ReconMatrixPE": 80,
    "RepetitionTime": 2,
    "SeriesDescription": "ImageMRSERIES",
    "SeriesNumber": 5,
    "SliceEncodingDirection": "k",
    "SliceTiming": [
      0.0,
      0.0541,
      0.1081,
      0.1622,
      0.2162,
      0.2703,
      0.3243,
      0.3784,
      0.4324,
      0.4865,
      0.5405,
      0.5946,
      0.6486,
      0.7027,
      0.7568,
      0.8108,
      0.8649,
      0.9189,
      0.973,
      1.027,
      1.0811,
      1.1351,
      1.1892,
      1.2432,
      1.2973,
      1.3514,
      1.4054,
      1.4595,
      1.5135,
      1.5676,
      1.6216,
      1.6757,
      1.7297,
      1.7838,
      1.8378,
      1.8919,
      1.9459
    ],
    "TaskName": "emomatching",
    "TotalReadoutTime": 0.025822520692561732,
    "UsePhilipsFloatNotDisplayScaling": 1,
    "acq_id": "seq",
    "dataset": "ds002785",
    "modality": "bold",
    "subject_id": "0192",
    "task_id": "emomatching"
  },
  "dummy_trs": 1,
  "dvars_nstd": 24.22938306714285,
  "dvars_std": 1.311825879624061,
  "dvars_vstd": 1.0236167554135338,
  "efc": 0.41571816107234594,
  "fber": 127380.1796875,
  "fd_mean": 0.2036350962034624,
  "fd_num": 61,
  "fd_perc": 45.52238805970149,
  "fwhm_avg": 1.8785462712281744,
  "fwhm_x": 1.8761866666666667,
  "fwhm_y": 1.97354,
  "fwhm_z": 1.7859121470178567,
  "gcor": 0.0271037,
  "gsr_x": -0.01815301924943924,
  "gsr_y": 0.01576058939099312,
  "provenance": {
    "md5sum": "01b30daa8aa2fdf71c1779eff0e313a7",
    "settings": {
      "fd_thres": 0.2,
      "testing": false
    },
    "software": "mriqc",
    "version": "22.0.0rc1",
    "webapi_port": null,
    "webapi_url": "https://mriqc.nimh.nih.gov/api/v1"
  },
  "size_t": 134,
  "size_x": 80,
  "size_y": 80,
  "size_z": 37,
  "snr": 5.167621762472952,
  "spacing_tr": 2.0,
  "spacing_x": 3.0,
  "spacing_y": 3.0,
  "spacing_z": 3.299999952316284,
  "summary_bg_k": 72.81630654585688,
  "summary_bg_mad": 65.88265959391819,
  "summary_bg_mean": 495.5140075683594,
  "summary_bg_median": 60.97460174560547,
  "summary_bg_n": 162064.0,
  "summary_bg_p05": 4.739496946334839,
  "summary_bg_p95": 2448.959582519532,
  "summary_bg_stdv": 1430.9803466796875,
  "summary_fg_k": 1.706007189031034,
  "summary_fg_mad": 4046.7844732169756,
  "summary_fg_mean": 22911.65234375,
  "summary_fg_median": 22465.9140625,
  "summary_fg_n": 33582.0,
  "summary_fg_p05": 16668.844921875,
  "summary_fg_p95": 30088.87548828125,
  "summary_fg_stdv": 4347.373046875,
  "tsnr": 79.95763397216797
}