{
  "aor": 0.0006276734693877552,
  "aqi": 0.003911738040816326,
  "bids_meta": {
    "AcquisitionNumber": 3,
    "BidsifyVersion": "0.3.5",
    "ConversionSoftware": "dcm2niix",
    "ConversionSoftwareVersion": "v1.0.20181125  GCC6.3.0",
    "EchoTime": 0.02762,
    "EffectiveEchoSpacing": 0.0006621159151938905,
    "ImageComments": "Piop",
    "ImageOrientationPatientDICOM": [
      0.993381,
      -0.101647,
      0.0535051,
      0.11406,
      0.928043,
      -0.354579
    ],
    "Manufacturer": "Philips",
    "NumberOfVolumesDiscardedByScanner": 2,
    "ParallelAcquisitionTechnique": "SENSE",
    "ParallelReductionFactorInPlane": 2,
    "PatientPosition": "HFS",
    "PhaseEncodingDirection": "j",
    "PhilipsRescaleIntercept": 0,
    "PhilipsRescaleSlope": 0.77338,
    "PhilipsScaleSlope": 0.0627845,
    "ProtocolName": "WIPpiopgstroopSENSE",
    "PulseSequenceType": "gradient echo EPI",
    "ReconMatrixPE": 80,
    "RepetitionTime": 2,
    "SeriesDescription": "ImageMRSERIES",
    "SeriesNumber": 3,
    "SliceEncodingDirection": "k",
    "SliceTiming": [
      0.0,
      0.0541,
      0.1081,
      0.1622,
      0.2162,
      0.2703,
      0.3243,
      0.3784,
      0.4324,
      0.4865,
      0.5405,
      0.5946,
      0.6486,
      0.7027,
      0.7568,
      0.8108,
      0.8649,
      0.9189,
      0.973,
      1.027,
      1.0811,
      1.1351,
      1.1892,
      1.2432,
      1.2973,
      1.3514,
      1.4054,
      1.4595,
      1.5135,
      1.5676,
      1.6216,
      1.6757,
      1.7297,
      1.7838,
      1.8378,
      1.8919,
      1.9459
    ],
    "TaskName": "gstroop",
    "TotalReadoutTime": 0.025822520692561732,
    "UsePhilipsFloatNotDisplayScaling": 1,
    "acq_id": "seq",
    "dataset": "ds002785",
    "modality": "bold",
    "subject_id": "0192",
    "task_id": "gstroop"
  },
  "dummy_trs": 0,
  "dvars_nstd": 23.527419105860666,
  "dvars_std": 1.288162319344262,
  "dvars_vstd": 0.9972998584836069,
  "efc": 0.41477122193277693,
  "fber": 138211.640625,
  "fd_mean": 0.15820127779051504,
  "fd_num": 74,
  "fd_perc": 30.20408163265306,
  "fwhm_avg": 1.8480087963565497,
  "fwhm_x": 1.8409066666666665,
  "fwhm_y": 1.9429833333333333,
  "fwhm_z": 1.7601363890696493,
  "gcor": 0.0242408,
  "gsr_x": -0.017593074589967728,
  "gsr_y": 0.015599020756781101,
  "provenance": {
    "md5sum": "6b746ba33408571a0c823d9844cd59a9",
    "settings": {
      "fd_thres": 0.2,
      "testing": false
    },
    "software": "mriqc",
    "version": "22.0.0rc1",
    "webapi_port": null,
    "webapi_url": "https://mriqc.nimh.nih.gov/api/v1"
  },
  "size_t": 245,
  "size_x": 80,
  "size_y": 80,
  "size_z": 37,
  "snr": 5.262572792429378,
  "spacing_tr": 2.0,
  "spacing_x": 3.0,
  "spacing_y": 3.0,
  "spacing_z": 3.299999952316284,
  "summary_bg_k": 78.51552550748015,
  "summary_bg_mad": 58.459315576535104,
  "summary_bg_mean": 490.6066589355469,
  "summary_bg_median": 59.198692321777344,
  "summary_bg_n": 162182.0,
  "summary_bg_p05": 5.993245100975036,
  "summary_bg_p95": 2413.5863159179685,
  "summary_bg_stdv": 1442.6180419921875,
  "summary_fg_k": 1.8431037129354193,
  "summary_fg_mad": 3997.295384905706,
  "summary_fg_mean": 23072.314453125,
  "summary_fg_median": 22619.201171875,
  "summary_fg_n": 33563.0,
  "summary_fg_p05": 16961.528125,
  "summary_fg_p95": 30146.772265624993,
  "summary_fg_stdv": 4298.06201171875,
  "tsnr": 82.2830810546875
}