{
  "aor": 0.0021133950617283946,
  "aqi": 0.0037918133333333325,
  "bids_meta": {
    "AcquisitionNumber": 8,
    "BidsifyVersion": "0.3.5",
    "ConversionSoftware": "dcm2niix",
    "ConversionSoftwareVersion": "v1.0.20181125  GCC6.3.0",
    "EchoTime": 0.02762,
    "EffectiveEchoSpacing": 0.0006621159151938905,
    "ImageComments": "Piop",
    "ImageOrientationPatientDICOM": [
      0.993381,
      -0.101647,
      0.0535051,
      0.11406,
      0.928043,
      -0.354579
    ],
    "Manufacturer": "Philips",
    "NumberOfVolumesDiscardedByScanner": 2,
    "ParallelAcquisitionTechnique": "SENSE",
    "ParallelReductionFactorInPlane": 2,
    "PatientPosition": "HFS",
    "PhaseEncodingDirection": "j",
    "PhilipsRescaleIntercept": 0,
    "PhilipsRescaleSlope": 0.79976,
    "PhilipsScaleSlope": 0.0610684,
    "ProtocolName": "WIPpiopwmSENSE",
    "PulseSequenceType": "gradient echo EPI",
    "ReconMatrixPE": 80,
    "RepetitionTime": 2,
    "SeriesDescription": "ImageMRSERIES",
    "SeriesNumber": 8,
    "SliceEncodingDirection": "k",
    "SliceTiming": [
      0.0,
      0.0541,
      0.1081,
      0.1622,
      0.2162,
      0.2703,
      0.3243,
      0.3784,
      0.4324,
      0.4865,
      0.5405,
      0.5946,
      0.6486,
      0.7027,
      0.7568,
      0.8108,
      0.8649,
      0.9189,
      0.973,
      1.027,
      1.0811,
      1.1351,
      1.1892,
      1.2432,
      1.2973,
      1.3514,
      1.4054,
      1.4595,
      1.5135,
      1.5676,
      1.6216,
      1.6757,
      1.7297,
      1.7838,
      1.8378,
      1.8919,
      1.9459
    ],
    "TaskName": "workingmemory",
    "TotalReadoutTime": 0.025822520692561732,
    "UsePhilipsFloatNotDisplayScaling": 1,
    "acq_id": "seq",
    "dataset": "ds002785",
    "modality": "bold",
    "subject_id": "0192",
    "task_id": "workingmemory"
  },
  "dummy_trs": 0,
  "dvars_nstd": 24.097790404099378,
  "dvars_std": 1.3523130737888198,
  "dvars_vstd": 1.0268644186335405,
  "efc": 0.41601882043181176,
  "fber": 130718.2578125,
  "fd_mean": 0.1268696298528755,
  "fd_num": 26,
  "fd_perc": 16.049382716049383,
  "fwhm_avg": 1.8656670792714574,
  "fwhm_x": 1.8609433333333334,
  "fwhm_y": 1.9579366666666667,
  "fwhm_z": 1.778121237814372,
  "gcor": 0.032997,
  "gsr_x": -0.018064679577946663,
  "gsr_y": 0.015031693503260612,
  "provenance": {
    "md5sum": "1ee0df261a577fd6d092beb9a89db3fc",
    "settings": {
      "fd_thres": 0.2,
      "testing": false
    },
    "software": "mriqc",
    "version": "22.0.0rc1",
    "webapi_port": null,
    "webapi_url": "https://mriqc.nimh.nih.gov/api/v1"
  },
  "size_t": 162,
  "size_x": 80,
  "size_y": 80,
  "size_z": 37,
  "snr": 5.168327399756554,
  "spacing_tr": 2.0,
  "spacing_x": 3.0,
  "spacing_y": 3.0,
  "spacing_z": 3.299999952316284,
  "summary_bg_k": 69.94476158167878,
  "summary_bg_mad": 64.6939617849639,
  "summary_bg_mean": 509.2491149902344,
  "summary_bg_median": 60.274497985839844,
  "summary_bg_n": 162191.0,
  "summary_bg_p05": 4.782806158065796,
  "summary_bg_p95": 2516.06787109375,
  "summary_bg_stdv": 1467.9652099609375,
  "summary_fg_k": 1.7393679123470243,
  "summary_fg_mad": 4045.6710736993673,
  "summary_fg_mean": 22887.359375,
  "summary_fg_median": 22454.974609375,
  "summary_fg_n": 33429.0,
  "summary_fg_p05": 16677.16015625,
  "summary_fg_p95": 30043.33515625,
  "summary_fg_stdv": 4344.66259765625,
  "tsnr": 83.09939575195312
}