{
  "aor": 0.0012328658536585365,
  "aqi": 0.007362326006097561,
  "bids_meta": {
    "AcquisitionNumber": 2,
    "BidsifyVersion": "0.3.5",
    "ConversionSoftware": "dcm2niix",
    "ConversionSoftwareVersion": "v1.0.20181125  GCC6.3.0",
    "EchoTime": 0.02762,
    "EffectiveEchoSpacing": 0.0006333282667071997,
    "ImageComments": "Piop",
    "ImageOrientationPatientDICOM": [
      0.993381,
      -0.101647,
      0.0535051,
      0.11406,
      0.928043,
      -0.354579
    ],
    "Manufacturer": "Philips",
    "NumberOfVolumesDiscardedByScanner": 2,
    "ParallelAcquisitionTechnique": "SENSE",
    "ParallelReductionFactorInPlane": 2,
    "PatientPosition": "HFS",
    "PhaseEncodingDirection": "j",
    "PhilipsRescaleIntercept": 0,
    "PhilipsRescaleSlope": 0.8083,
    "PhilipsScaleSlope": 0.0872766,
    "ProtocolName": "WIPpiopfacesSENSE",
    "PulseSequenceType": "gradient echo EPI",
    "ReconMatrixPE": 80,
    "RepetitionTime": 0.75,
    "SeriesDescription": "ImageMRSERIES",
    "SeriesNumber": 2,
    "SliceEncodingDirection": "k",
    "SliceTiming": [
      0.0,
      0.06755050505050506,
      0.1351010101010101,
      0.20265151515151517,
      0.2702020202020202,
      0.3377525252525253,
      0.40530303030303033,
      0.47285353535353536,
      0.5404040404040404,
      0.6079545454545455,
      0.6755050505050506,
      0.7430555555555556,
      0.0,
      0.06755050505050506,
      0.1351010101010101,
      0.20265151515151517,
      0.2702020202020202,
      0.3377525252525253,
      0.40530303030303033,
      0.47285353535353536,
      0.5404040404040404,
      0.6079545454545455,
      0.6755050505050506,
      0.7430555555555556,
      0.0,
      0.06755050505050506,
      0.1351010101010101,
      0.20265151515151517,
      0.2702020202020202,
      0.3377525252525253,
      0.40530303030303033,
      0.47285353535353536,
      0.5404040404040404,
      0.6079545454545455,
      0.6755050505050506,
      0.7430555555555556
    ],
    "TaskName": "faces",
    "TotalReadoutTime": 0.024699802401580786,
    "UsePhilipsFloatNotDisplayScaling": 1,
    "acq_id": "mb3",
    "dataset": "ds002785",
    "modality": "bold",
    "subject_id": "0192",
    "task_id": "faces"
  },
  "dummy_trs": 2,
  "dvars_nstd": 27.214354803669746,
  "dvars_std": 1.1174061887767581,
  "dvars_vstd": 1.0111592908562683,
  "efc": 0.4198838702710385,
  "fber": 156691.03125,
  "fd_mean": 0.09813916137014601,
  "fd_num": 12,
  "fd_perc": 3.658536585365854,
  "fwhm_avg": 1.9233218268758865,
  "fwhm_x": 1.9628633333333332,
  "fwhm_y": 2.002056666666667,
  "fwhm_z": 1.8050454806276592,
  "gcor": 0.0119737,
  "gsr_x": -0.01932678557932377,
  "gsr_y": 0.014728470705449581,
  "provenance": {
    "md5sum": "f3942e2fffcabc5d03988f672ecd4793",
    "settings": {
      "fd_thres": 0.2,
      "testing": false
    },
    "software": "mriqc",
    "version": "22.0.0rc1",
    "webapi_port": null,
    "webapi_url": "https://mriqc.nimh.nih.gov/api/v1"
  },
  "size_t": 328,
  "size_x": 80,
  "size_y": 80,
  "size_z": 36,
  "snr": 6.070446002310394,
  "spacing_tr": 0.75,
  "spacing_x": 3.0,
  "spacing_y": 3.0,
  "spacing_z": 3.299999952316284,
  "summary_bg_k": 50.87388486061211,
  "summary_bg_mad": 45.6041644852179,
  "summary_bg_mean": 359.996337890625,
  "summary_bg_median": 40.47962951660156,
  "summary_bg_n": 157219.0,
  "summary_bg_p05": 2.66626296043396,
  "summary_bg_p95": 1756.3012451171878,
  "summary_bg_stdv": 987.0004272460938,
  "summary_fg_k": 0.7232788422856951,
  "summary_fg_mad": 2662.700013848088,
  "summary_fg_mean": 16485.970703125,
  "summary_fg_median": 16501.4375,
  "summary_fg_n": 32738.0,
  "summary_fg_p05": 12082.60673828125,
  "summary_fg_p95": 20813.20986328125,
  "summary_fg_stdv": 2718.2822265625,
  "tsnr": 52.97953414916992
}