{
  "aor": 0.0010173,
  "aqi": 0.00517329895,
  "bids_meta": {
    "AcquisitionNumber": 9,
    "BidsifyVersion": "0.3.5",
    "ConversionSoftware": "dcm2niix",
    "ConversionSoftwareVersion": "v1.0.20181125  GCC6.3.0",
    "EchoTime": 0.02762,
    "EffectiveEchoSpacing": 0.0006621159151938905,
    "ImageComments": "piop",
    "ImageOrientationPatientDICOM": [
      0.999751,
      0.00776174,
      -0.0209288,
      -0.0101207,
      0.993305,
      -0.115078
    ],
    "Manufacturer": "Philips",
    "NumberOfVolumesDiscardedByScanner": 2,
    "ParallelAcquisitionTechnique": "SENSE",
    "ParallelReductionFactorInPlane": 2,
    "PatientPosition": "HFS",
    "PhaseEncodingDirection": "j",
    "PhilipsRescaleIntercept": 0,
    "PhilipsRescaleSlope": 0.85641,
    "PhilipsScaleSlope": 0.0622934,
    "ProtocolName": "WIPpiopanticipatieSENSE",
    "PulseSequenceType": "gradient echo EPI",
    "ReconMatrixPE": 80,
    "RepetitionTime": 2,
    "SeriesDescription": "ImageMRSERIES",
    "SeriesNumber": 9,
    "SliceEncodingDirection": "k",
    "SliceTiming": [
      0.0,
      0.0541,
      0.1081,
      0.1622,
      0.2162,
      0.2703,
      0.3243,
      0.3784,
      0.4324,
      0.4865,
      0.5405,
      0.5946,
      0.6486,
      0.7027,
      0.7568,
      0.8108,
      0.8649,
      0.9189,
      0.973,
      1.027,
      1.0811,
      1.1351,
      1.1892,
      1.2432,
      1.2973,
      1.3514,
      1.4054,
      1.4595,
      1.5135,
      1.5676,
      1.6216,
      1.6757,
      1.7297,
      1.7838,
      1.8378,
      1.8919,
      1.9459
    ],
    "TaskName": "anticipation",
    "TotalReadoutTime": 0.025822520692561732,
    "UsePhilipsFloatNotDisplayScaling": 1,
    "acq_id": "seq",
    "dataset": "ds002785",
    "modality": "bold",
    "subject_id": "0045",
    "task_id": "anticipation"
  },
  "dummy_trs": 0,
  "dvars_nstd": 21.516666949145733,
  "dvars_std": 1.271367214020101,
  "dvars_vstd": 1.0082509623618083,
  "efc": 0.47402045427431,
  "fber": 137275.8125,
  "fd_mean": 0.09110238746793321,
  "fd_num": 8,
  "fd_perc": 4.0,
  "fwhm_avg": 1.8524509175927684,
  "fwhm_x": 1.7988833333333334,
  "fwhm_y": 1.99333,
  "fwhm_z": 1.7651394194449717,
  "gcor": 0.0218511,
  "gsr_x": -0.024971196427941322,
  "gsr_y": 0.03592688590288162,
  "provenance": {
    "md5sum": "95919bce5dcb36bd4b3ebed40cadcf67",
    "settings": {
      "fd_thres": 0.2,
      "testing": false
    },
    "software": "mriqc",
    "version": "22.0.0rc1",
    "webapi_port": null,
    "webapi_url": "https://mriqc.nimh.nih.gov/api/v1"
  },
  "size_t": 200,
  "size_x": 80,
  "size_y": 80,
  "size_z": 37,
  "snr": 5.674110176795494,
  "spacing_tr": 2.0,
  "spacing_x": 3.0,
  "spacing_y": 3.0,
  "spacing_z": 3.299999952316284,
  "summary_bg_k": 40.790102141233405,
  "summary_bg_mad": 64.90996770491947,
  "summary_bg_mean": 871.6289672851562,
  "summary_bg_median": 63.30724334716797,
  "summary_bg_n": 151740.0,
  "summary_bg_p05": 4.903119707107544,
  "summary_bg_p95": 5603.076708984373,
  "summary_bg_stdv": 2406.32666015625,
  "summary_fg_k": 1.58277479606347,
  "summary_fg_mad": 4103.129148935104,
  "summary_fg_mean": 24525.830078125,
  "summary_fg_median": 24183.462890625,
  "summary_fg_n": 42252.0,
  "summary_fg_p05": 18246.233984375,
  "summary_fg_p95": 31546.566015625,
  "summary_fg_stdv": 4262.02099609375,
  "tsnr": 90.9100570678711
}