{
  "aor": 0.00042665306122448987,
  "aqi": 0.0066994168163265295,
  "bids_meta": {
    "AcquisitionNumber": 3,
    "BidsifyVersion": "0.3.5",
    "ConversionSoftware": "dcm2niix",
    "ConversionSoftwareVersion": "v1.0.20181125  GCC6.3.0",
    "EchoTime": 0.02762,
    "EffectiveEchoSpacing": 0.0006621159151938905,
    "ImageComments": "piop",
    "ImageOrientationPatientDICOM": [
      0.999751,
      0.00776174,
      -0.0209288,
      -0.0101207,
      0.993305,
      -0.115078
    ],
    "Manufacturer": "Philips",
    "NumberOfVolumesDiscardedByScanner": 2,
    "ParallelAcquisitionTechnique": "SENSE",
    "ParallelReductionFactorInPlane": 2,
    "PatientPosition": "HFS",
    "PhaseEncodingDirection": "j",
    "PhilipsRescaleIntercept": 0,
    "PhilipsRescaleSlope": 0.81709,
    "PhilipsScaleSlope": 0.0613678,
    "ProtocolName": "WIPpiopgstroopSENSE",
    "PulseSequenceType": "gradient echo EPI",
    "ReconMatrixPE": 80,
    "RepetitionTime": 2,
    "SeriesDescription": "ImageMRSERIES",
    "SeriesNumber": 3,
    "SliceEncodingDirection": "k",
    "SliceTiming": [
      0.0,
      0.0541,
      0.1081,
      0.1622,
      0.2162,
      0.2703,
      0.3243,
      0.3784,
      0.4324,
      0.4865,
      0.5405,
      0.5946,
      0.6486,
      0.7027,
      0.7568,
      0.8108,
      0.8649,
      0.9189,
      0.973,
      1.027,
      1.0811,
      1.1351,
      1.1892,
      1.2432,
      1.2973,
      1.3514,
      1.4054,
      1.4595,
      1.5135,
      1.5676,
      1.6216,
      1.6757,
      1.7297,
      1.7838,
      1.8378,
      1.8919,
      1.9459
    ],
    "TaskName": "gstroop",
    "TotalReadoutTime": 0.025822520692561732,
    "UsePhilipsFloatNotDisplayScaling": 1,
    "acq_id": "seq",
    "dataset": "ds002785",
    "modality": "bold",
    "subject_id": "0045",
    "task_id": "gstroop"
  },
  "dummy_trs": 0,
  "dvars_nstd": 19.38071800020491,
  "dvars_std": 1.182933738114753,
  "dvars_vstd": 0.9858486189344261,
  "efc": 0.47230921763681083,
  "fber": 123997.953125,
  "fd_mean": 0.09805520270126708,
  "fd_num": 2,
  "fd_perc": 0.8163265306122449,
  "fwhm_avg": 1.8281460689522435,
  "fwhm_x": 1.7733833333333333,
  "fwhm_y": 1.9782366666666666,
  "fwhm_z": 1.7328182068567306,
  "gcor": 0.0296769,
  "gsr_x": -0.024417750537395477,
  "gsr_y": 0.03684841841459274,
  "provenance": {
    "md5sum": "aa442cfed8a58a6147e7aae00f7f516a",
    "settings": {
      "fd_thres": 0.2,
      "testing": false
    },
    "software": "mriqc",
    "version": "22.0.0rc1",
    "webapi_port": null,
    "webapi_url": "https://mriqc.nimh.nih.gov/api/v1"
  },
  "size_t": 245,
  "size_x": 80,
  "size_y": 80,
  "size_z": 37,
  "snr": 5.759329905104277,
  "spacing_tr": 2.0,
  "spacing_x": 3.0,
  "spacing_y": 3.0,
  "spacing_z": 3.299999952316284,
  "summary_bg_k": 46.98049861125731,
  "summary_bg_mad": 75.14308538531348,
  "summary_bg_mean": 856.7372436523438,
  "summary_bg_median": 67.64318084716797,
  "summary_bg_n": 151693.0,
  "summary_bg_p05": 4.335641860961914,
  "summary_bg_p95": 5404.298046874997,
  "summary_bg_stdv": 2423.47314453125,
  "summary_fg_k": 1.7957946029783454,
  "summary_fg_mad": 4062.315600168059,
  "summary_fg_mean": 24913.86328125,
  "summary_fg_median": 24570.75390625,
  "summary_fg_n": 42203.0,
  "summary_fg_p05": 18637.21484375,
  "summary_fg_p95": 31915.881835937504,
  "summary_fg_stdv": 4266.20166015625,
  "tsnr": 83.6783218383789
}