{
  "aor": 0.0008367083333333335,
  "aqi": 0.014167448666666667,
  "bids_meta": {
    "AcquisitionNumber": 6,
    "BidsifyVersion": "0.3.5",
    "ConversionSoftware": "dcm2niix",
    "ConversionSoftwareVersion": "v1.0.20181125  GCC6.3.0",
    "EchoTime": 0.02762,
    "EffectiveEchoSpacing": 0.0006333282667071997,
    "ImageComments": "piop",
    "ImageOrientationPatientDICOM": [
      0.999751,
      0.00776174,
      -0.0209288,
      -0.0101207,
      0.993305,
      -0.115078
    ],
    "Manufacturer": "Philips",
    "NumberOfVolumesDiscardedByScanner": 2,
    "ParallelAcquisitionTechnique": "SENSE",
    "ParallelReductionFactorInPlane": 2,
    "PatientPosition": "HFS",
    "PhaseEncodingDirection": "j",
    "PhilipsRescaleIntercept": 0,
    "PhilipsRescaleSlope": 0.81099,
    "PhilipsScaleSlope": 0.0853543,
    "ProtocolName": "WIPpioprsSENSE",
    "PulseSequenceType": "gradient echo EPI",
    "ReconMatrixPE": 80,
    "RepetitionTime": 0.75,
    "SeriesDescription": "ImageMRSERIES",
    "SeriesNumber": 6,
    "SliceEncodingDirection": "k",
    "SliceTiming": [
      0.0,
      0.06755050505050506,
      0.1351010101010101,
      0.20265151515151517,
      0.2702020202020202,
      0.3377525252525253,
      0.40530303030303033,
      0.47285353535353536,
      0.5404040404040404,
      0.6079545454545455,
      0.6755050505050506,
      0.7430555555555556,
      0.0,
      0.06755050505050506,
      0.1351010101010101,
      0.20265151515151517,
      0.2702020202020202,
      0.3377525252525253,
      0.40530303030303033,
      0.47285353535353536,
      0.5404040404040404,
      0.6079545454545455,
      0.6755050505050506,
      0.7430555555555556,
      0.0,
      0.06755050505050506,
      0.1351010101010101,
      0.20265151515151517,
      0.2702020202020202,
      0.3377525252525253,
      0.40530303030303033,
      0.47285353535353536,
      0.5404040404040404,
      0.6079545454545455,
      0.6755050505050506,
      0.7430555555555556
    ],
    "TaskName": "restingstate",
    "TotalReadoutTime": 0.024699802401580786,
    "UsePhilipsFloatNotDisplayScaling": 1,
    "acq_id": "mb3",
    "dataset": "ds002785",
    "modality": "bold",
    "subject_id": "0045",
    "task_id": "restingstate"
  },
  "dummy_trs": 0,
  "dvars_nstd": 32.0143323790814,
  "dvars_std": 1.1672253104801662,
  "dvars_vstd": 1.0024167914613784,
  "efc": 0.48214303170261413,
  "fber": 141048.921875,
  "fd_mean": 0.10492785626324744,
  "fd_num": 16,
  "fd_perc": 3.3333333333333335,
  "fwhm_avg": 1.8375805134072845,
  "fwhm_x": 1.7878433333333332,
  "fwhm_y": 1.98988,
  "fwhm_z": 1.7350182068885196,
  "gcor": 0.0228814,
  "gsr_x": -0.026151061058044434,
  "gsr_y": 0.034682489931583405,
  "provenance": {
    "md5sum": "4e4942612106af54c1df31530acbdc15",
    "settings": {
      "fd_thres": 0.2,
      "testing": false
    },
    "software": "mriqc",
    "version": "22.0.0rc1",
    "webapi_port": null,
    "webapi_url": "https://mriqc.nimh.nih.gov/api/v1"
  },
  "size_t": 480,
  "size_x": 80,
  "size_y": 80,
  "size_z": 36,
  "snr": 6.950556481025747,
  "spacing_tr": 0.75,
  "spacing_x": 3.0,
  "spacing_y": 3.0,
  "spacing_z": 3.299999952316284,
  "summary_bg_k": 35.08224661932025,
  "summary_bg_mad": 57.225240844021144,
  "summary_bg_mean": 701.1653442382812,
  "summary_bg_median": 50.23982238769531,
  "summary_bg_n": 146336.0,
  "summary_bg_p05": 2.4181753396987915,
  "summary_bg_p95": 4411.322509765625,
  "summary_bg_stdv": 1878.1763916015625,
  "summary_fg_k": 1.3766761139061847,
  "summary_fg_mad": 2678.2050794320494,
  "summary_fg_mean": 19362.85546875,
  "summary_fg_median": 19333.23046875,
  "summary_fg_n": 41944.0,
  "summary_fg_p05": 14956.817626953125,
  "summary_fg_p95": 23831.5037109375,
  "summary_fg_stdv": 2781.50390625,
  "tsnr": 49.03261947631836
}