{
  "aor": 0.0016997037037037037,
  "aqi": 0.004066655037037036,
  "bids_meta": {
    "AcquisitionNumber": 5,
    "BidsifyVersion": "0.3.5",
    "ConversionSoftware": "dcm2niix",
    "ConversionSoftwareVersion": "v1.0.20181125  GCC6.3.0",
    "EchoTime": 0.02762,
    "EffectiveEchoSpacing": 0.0006621159151938905,
    "ImageComments": "piop",
    "ImageOrientationPatientDICOM": [
      0.999751,
      0.00776174,
      -0.0209288,
      -0.0101207,
      0.993305,
      -0.115078
    ],
    "Manufacturer": "Philips",
    "NumberOfVolumesDiscardedByScanner": 2,
    "ParallelAcquisitionTechnique": "SENSE",
    "ParallelReductionFactorInPlane": 2,
    "PatientPosition": "HFS",
    "PhaseEncodingDirection": "j",
    "PhilipsRescaleIntercept": 0,
    "PhilipsRescaleSlope": 0.82613,
    "PhilipsScaleSlope": 0.0614576,
    "ProtocolName": "WIPpiopharririSENSE",
    "PulseSequenceType": "gradient echo EPI",
    "ReconMatrixPE": 80,
    "RepetitionTime": 2,
    "SeriesDescription": "ImageMRSERIES",
    "SeriesNumber": 5,
    "SliceEncodingDirection": "k",
    "SliceTiming": [
      0.0,
      0.0541,
      0.1081,
      0.1622,
      0.2162,
      0.2703,
      0.3243,
      0.3784,
      0.4324,
      0.4865,
      0.5405,
      0.5946,
      0.6486,
      0.7027,
      0.7568,
      0.8108,
      0.8649,
      0.9189,
      0.973,
      1.027,
      1.0811,
      1.1351,
      1.1892,
      1.2432,
      1.2973,
      1.3514,
      1.4054,
      1.4595,
      1.5135,
      1.5676,
      1.6216,
      1.6757,
      1.7297,
      1.7838,
      1.8378,
      1.8919,
      1.9459
    ],
    "TaskName": "emomatching",
    "TotalReadoutTime": 0.025822520692561732,
    "UsePhilipsFloatNotDisplayScaling": 1,
    "acq_id": "seq",
    "dataset": "ds002785",
    "modality": "bold",
    "subject_id": "0045",
    "task_id": "emomatching"
  },
  "dummy_trs": 0,
  "dvars_nstd": 20.161456527686557,
  "dvars_std": 1.2581794546268659,
  "dvars_vstd": 1.0201367351492538,
  "efc": 0.4722904061558518,
  "fber": 136958.609375,
  "fd_mean": 0.08965057258995444,
  "fd_num": 0,
  "fd_perc": 0.0,
  "fwhm_avg": 1.888444655138237,
  "fwhm_x": 1.8385133333333332,
  "fwhm_y": 2.0260266666666666,
  "fwhm_z": 1.8007939654147114,
  "gcor": 0.015411,
  "gsr_x": -0.023940376937389374,
  "gsr_y": 0.03472457453608513,
  "provenance": {
    "md5sum": "3a7084625166ced73dab757d4670ebe8",
    "settings": {
      "fd_thres": 0.2,
      "testing": false
    },
    "software": "mriqc",
    "version": "22.0.0rc1",
    "webapi_port": null,
    "webapi_url": "https://mriqc.nimh.nih.gov/api/v1"
  },
  "size_t": 135,
  "size_x": 80,
  "size_y": 80,
  "size_z": 37,
  "snr": 5.525383201521308,
  "spacing_tr": 2.0,
  "spacing_x": 3.0,
  "spacing_y": 3.0,
  "spacing_z": 3.299999952316284,
  "summary_bg_k": 37.01844766292243,
  "summary_bg_mad": 66.47582858244138,
  "summary_bg_mean": 863.5491333007812,
  "summary_bg_median": 64.60655212402344,
  "summary_bg_n": 151698.0,
  "summary_bg_p05": 5.091589689254761,
  "summary_bg_p95": 5580.235693359372,
  "summary_bg_stdv": 2382.205078125,
  "summary_fg_k": 1.514175170211546,
  "summary_fg_mad": 4312.698736940567,
  "summary_fg_mean": 25129.01171875,
  "summary_fg_median": 24789.609375,
  "summary_fg_n": 42260.0,
  "summary_fg_p05": 18470.65927734375,
  "summary_fg_p95": 32571.759667968738,
  "summary_fg_stdv": 4486.44287109375,
  "tsnr": 91.46385955810547
}