{
  "aor": 0.002153765432098765,
  "aqi": 0.004175672098765432,
  "bids_meta": {
    "AcquisitionNumber": 8,
    "BidsifyVersion": "0.3.5",
    "ConversionSoftware": "dcm2niix",
    "ConversionSoftwareVersion": "v1.0.20181125  GCC6.3.0",
    "EchoTime": 0.02762,
    "EffectiveEchoSpacing": 0.0006621159151938905,
    "ImageComments": "piop",
    "ImageOrientationPatientDICOM": [
      0.999751,
      0.00776174,
      -0.0209288,
      -0.0101207,
      0.993305,
      -0.115078
    ],
    "Manufacturer": "Philips",
    "NumberOfVolumesDiscardedByScanner": 2,
    "ParallelAcquisitionTechnique": "SENSE",
    "ParallelReductionFactorInPlane": 2,
    "PatientPosition": "HFS",
    "PhaseEncodingDirection": "j",
    "PhilipsRescaleIntercept": 0,
    "PhilipsRescaleSlope": 0.83248,
    "PhilipsScaleSlope": 0.0631563,
    "ProtocolName": "WIPpiopwmSENSE",
    "PulseSequenceType": "gradient echo EPI",
    "ReconMatrixPE": 80,
    "RepetitionTime": 2,
    "SeriesDescription": "ImageMRSERIES",
    "SeriesNumber": 8,
    "SliceEncodingDirection": "k",
    "SliceTiming": [
      0.0,
      0.0541,
      0.1081,
      0.1622,
      0.2162,
      0.2703,
      0.3243,
      0.3784,
      0.4324,
      0.4865,
      0.5405,
      0.5946,
      0.6486,
      0.7027,
      0.7568,
      0.8108,
      0.8649,
      0.9189,
      0.973,
      1.027,
      1.0811,
      1.1351,
      1.1892,
      1.2432,
      1.2973,
      1.3514,
      1.4054,
      1.4595,
      1.5135,
      1.5676,
      1.6216,
      1.6757,
      1.7297,
      1.7838,
      1.8378,
      1.8919,
      1.9459
    ],
    "TaskName": "workingmemory",
    "TotalReadoutTime": 0.025822520692561732,
    "UsePhilipsFloatNotDisplayScaling": 1,
    "acq_id": "seq",
    "dataset": "ds002785",
    "modality": "bold",
    "subject_id": "0045",
    "task_id": "workingmemory"
  },
  "dummy_trs": 0,
  "dvars_nstd": 19.955840205652184,
  "dvars_std": 1.2652746061490676,
  "dvars_vstd": 1.0321003652795029,
  "efc": 0.47457462266488964,
  "fber": 117566.09375,
  "fd_mean": 0.12478988160021628,
  "fd_num": 16,
  "fd_perc": 9.876543209876543,
  "fwhm_avg": 1.8570607156040637,
  "fwhm_x": 1.79554,
  "fwhm_y": 2.0039633333333335,
  "fwhm_z": 1.7716788134788573,
  "gcor": 0.0166039,
  "gsr_x": -0.024597663432359695,
  "gsr_y": 0.03534786403179169,
  "provenance": {
    "md5sum": "46d78ad246953cd80951b2fd6dc3123f",
    "settings": {
      "fd_thres": 0.2,
      "testing": false
    },
    "software": "mriqc",
    "version": "22.0.0rc1",
    "webapi_port": null,
    "webapi_url": "https://mriqc.nimh.nih.gov/api/v1"
  },
  "size_t": 162,
  "size_x": 80,
  "size_y": 80,
  "size_z": 37,
  "snr": 5.661739275568285,
  "spacing_tr": 2.0,
  "spacing_x": 3.0,
  "spacing_y": 3.0,
  "spacing_z": 3.299999952316284,
  "summary_bg_k": 37.38638352767237,
  "summary_bg_mad": 80.99253463368223,
  "summary_bg_mean": 877.8756103515625,
  "summary_bg_median": 69.0191650390625,
  "summary_bg_n": 151620.0,
  "summary_bg_p05": 3.37151291370392,
  "summary_bg_p95": 5651.33066406249,
  "summary_bg_stdv": 2394.70751953125,
  "summary_fg_k": 1.5744806613267412,
  "summary_fg_mad": 4132.83476389319,
  "summary_fg_mean": 24657.609375,
  "summary_fg_median": 24326.0,
  "summary_fg_n": 42315.0,
  "summary_fg_p05": 18309.8818359375,
  "summary_fg_p95": 31726.476757812496,
  "summary_fg_stdv": 4296.5087890625,
  "tsnr": 88.33123779296875
}