{
  "aor": 0.000342969696969697,
  "aqi": 0.009088765969696969,
  "bids_meta": {
    "AcquisitionNumber": 2,
    "BidsifyVersion": "0.3.5",
    "ConversionSoftware": "dcm2niix",
    "ConversionSoftwareVersion": "v1.0.20181125  GCC6.3.0",
    "EchoTime": 0.02762,
    "EffectiveEchoSpacing": 0.0006333282667071997,
    "ImageComments": "piop",
    "ImageOrientationPatientDICOM": [
      0.999751,
      0.00776174,
      -0.0209288,
      -0.0101207,
      0.993305,
      -0.115078
    ],
    "Manufacturer": "Philips",
    "NumberOfVolumesDiscardedByScanner": 2,
    "ParallelAcquisitionTechnique": "SENSE",
    "ParallelReductionFactorInPlane": 2,
    "PatientPosition": "HFS",
    "PhaseEncodingDirection": "j",
    "PhilipsRescaleIntercept": 0,
    "PhilipsRescaleSlope": 0.80049,
    "PhilipsScaleSlope": 0.0868883,
    "ProtocolName": "WIPpiopfacesSENSE",
    "PulseSequenceType": "gradient echo EPI",
    "ReconMatrixPE": 80,
    "RepetitionTime": 0.75,
    "SeriesDescription": "ImageMRSERIES",
    "SeriesNumber": 2,
    "SliceEncodingDirection": "k",
    "SliceTiming": [
      0.0,
      0.06755050505050506,
      0.1351010101010101,
      0.20265151515151517,
      0.2702020202020202,
      0.3377525252525253,
      0.40530303030303033,
      0.47285353535353536,
      0.5404040404040404,
      0.6079545454545455,
      0.6755050505050506,
      0.7430555555555556,
      0.0,
      0.06755050505050506,
      0.1351010101010101,
      0.20265151515151517,
      0.2702020202020202,
      0.3377525252525253,
      0.40530303030303033,
      0.47285353535353536,
      0.5404040404040404,
      0.6079545454545455,
      0.6755050505050506,
      0.7430555555555556,
      0.0,
      0.06755050505050506,
      0.1351010101010101,
      0.20265151515151517,
      0.2702020202020202,
      0.3377525252525253,
      0.40530303030303033,
      0.47285353535353536,
      0.5404040404040404,
      0.6079545454545455,
      0.6755050505050506,
      0.7430555555555556
    ],
    "TaskName": "faces",
    "TotalReadoutTime": 0.024699802401580786,
    "UsePhilipsFloatNotDisplayScaling": 1,
    "acq_id": "mb3",
    "dataset": "ds002785",
    "modality": "bold",
    "subject_id": "0045",
    "task_id": "faces"
  },
  "dummy_trs": 0,
  "dvars_nstd": 26.70887232826747,
  "dvars_std": 1.167240093951369,
  "dvars_vstd": 1.003297935653495,
  "efc": 0.48158034333201544,
  "fber": 152150.921875,
  "fd_mean": 0.11496199983305862,
  "fd_num": 8,
  "fd_perc": 2.4242424242424243,
  "fwhm_avg": 2.0565063167461903,
  "fwhm_x": 2.036016666666667,
  "fwhm_y": 2.26079,
  "fwhm_z": 1.8727122835719037,
  "gcor": 0.0115518,
  "gsr_x": -0.025673028081655502,
  "gsr_y": 0.03222591429948807,
  "provenance": {
    "md5sum": "abf843b74e1321002a923e11910f1e23",
    "settings": {
      "fd_thres": 0.2,
      "testing": false
    },
    "software": "mriqc",
    "version": "22.0.0rc1",
    "webapi_port": null,
    "webapi_url": "https://mriqc.nimh.nih.gov/api/v1"
  },
  "size_t": 330,
  "size_x": 80,
  "size_y": 80,
  "size_z": 36,
  "snr": 7.173934925791493,
  "spacing_tr": 0.75,
  "spacing_x": 3.0,
  "spacing_y": 3.0,
  "spacing_z": 3.299999713897705,
  "summary_bg_k": 30.51974542237516,
  "summary_bg_mad": 54.63711746823745,
  "summary_bg_mean": 673.510986328125,
  "summary_bg_median": 50.080230712890625,
  "summary_bg_n": 146251.0,
  "summary_bg_p05": 3.4052668809890747,
  "summary_bg_p95": 4115.979248046875,
  "summary_bg_stdv": 1756.180419921875,
  "summary_fg_k": 1.1093058966388964,
  "summary_fg_mad": 2694.3312742657554,
  "summary_fg_mean": 19850.458984375,
  "summary_fg_median": 19814.2890625,
  "summary_fg_n": 41919.0,
  "summary_fg_p05": 15453.79189453125,
  "summary_fg_p95": 24363.1095703125,
  "summary_fg_stdv": 2761.950439453125,
  "tsnr": 60.33359146118164
}