{
  "aor": 0.014732612244897962,
  "aqi": 0.017907876081632655,
  "bids_meta": {
    "AcquisitionNumber": 3,
    "BidsifyVersion": "0.3.5",
    "ConversionSoftware": "dcm2niix",
    "ConversionSoftwareVersion": "v1.0.20181125  GCC6.3.0",
    "EchoTime": 0.02762,
    "EffectiveEchoSpacing": 0.0006621159151938905,
    "ImageComments": "Piop",
    "ImageOrientationPatientDICOM": [
      0.998873,
      -0.0415507,
      0.0229559,
      0.0467562,
      0.944723,
      -0.32452
    ],
    "Manufacturer": "Philips",
    "NumberOfVolumesDiscardedByScanner": 2,
    "ParallelAcquisitionTechnique": "SENSE",
    "ParallelReductionFactorInPlane": 2,
    "PatientPosition": "HFS",
    "PhaseEncodingDirection": "j",
    "PhilipsRescaleIntercept": 0,
    "PhilipsRescaleSlope": 0.75995,
    "PhilipsScaleSlope": 0.0666603,
    "ProtocolName": "WIPpiopgstroopSENSE",
    "PulseSequenceType": "gradient echo EPI",
    "ReconMatrixPE": 80,
    "RepetitionTime": 2,
    "SeriesDescription": "ImageMRSERIES",
    "SeriesNumber": 3,
    "SliceEncodingDirection": "k",
    "SliceTiming": [
      0.0,
      0.0541,
      0.1081,
      0.1622,
      0.2162,
      0.2703,
      0.3243,
      0.3784,
      0.4324,
      0.4865,
      0.5405,
      0.5946,
      0.6486,
      0.7027,
      0.7568,
      0.8108,
      0.8649,
      0.9189,
      0.973,
      1.027,
      1.0811,
      1.1351,
      1.1892,
      1.2432,
      1.2973,
      1.3514,
      1.4054,
      1.4595,
      1.5135,
      1.5676,
      1.6216,
      1.6757,
      1.7297,
      1.7838,
      1.8378,
      1.8919,
      1.9459
    ],
    "TaskName": "gstroop",
    "TotalReadoutTime": 0.025822520692561732,
    "UsePhilipsFloatNotDisplayScaling": 1,
    "acq_id": "seq",
    "dataset": "ds002785",
    "modality": "bold",
    "subject_id": "0040",
    "task_id": "gstroop"
  },
  "dummy_trs": 0,
  "dvars_nstd": 26.44217500512295,
  "dvars_std": 1.0984686698360655,
  "dvars_vstd": 1.072815292377049,
  "efc": 0.4706422528467411,
  "fber": 110360.484375,
  "fd_mean": 0.19987591900785345,
  "fd_num": 50,
  "fd_perc": 20.408163265306122,
  "fwhm_avg": 1.8473301096132244,
  "fwhm_x": 1.7831866666666667,
  "fwhm_y": 1.97264,
  "fwhm_z": 1.7861636621730062,
  "gcor": 0.020274,
  "gsr_x": -0.008249808102846146,
  "gsr_y": 0.027002813294529915,
  "provenance": {
    "md5sum": "0add769755b37cd4ae05ae2973a28bb8",
    "settings": {
      "fd_thres": 0.2,
      "testing": false
    },
    "software": "mriqc",
    "version": "22.0.0rc1",
    "webapi_port": null,
    "webapi_url": "https://mriqc.nimh.nih.gov/api/v1"
  },
  "size_t": 245,
  "size_x": 80,
  "size_y": 80,
  "size_z": 37,
  "snr": 4.643314428065163,
  "spacing_tr": 2.0,
  "spacing_x": 3.0,
  "spacing_y": 3.0,
  "spacing_z": 3.299999952316284,
  "summary_bg_k": 25.495409019806967,
  "summary_bg_mad": 61.47079053432935,
  "summary_bg_mean": 621.2594604492188,
  "summary_bg_median": 62.26936340332031,
  "summary_bg_n": 150010.0,
  "summary_bg_p05": 8.508871841430665,
  "summary_bg_p95": 3595.8401123046874,
  "summary_bg_stdv": 1585.945556640625,
  "summary_fg_k": 1.6644153771705588,
  "summary_fg_mad": 4017.6058770162495,
  "summary_fg_mean": 21944.060546875,
  "summary_fg_median": 21261.232421875,
  "summary_fg_n": 44005.0,
  "summary_fg_p05": 15828.938671875001,
  "summary_fg_p95": 30294.954296874963,
  "summary_fg_stdv": 4578.83935546875,
  "tsnr": 41.52988815307617
}