{
  "aor": 0.0037080625000000004,
  "aqi": 0.012596885875,
  "bids_meta": {
    "AcquisitionNumber": 6,
    "BidsifyVersion": "0.3.5",
    "ConversionSoftware": "dcm2niix",
    "ConversionSoftwareVersion": "v1.0.20181125  GCC6.3.0",
    "EchoTime": 0.02762,
    "EffectiveEchoSpacing": 0.0006333282667071997,
    "ImageComments": "Piop",
    "ImageOrientationPatientDICOM": [
      0.998873,
      -0.0415507,
      0.0229559,
      0.0467562,
      0.944723,
      -0.32452
    ],
    "Manufacturer": "Philips",
    "NumberOfVolumesDiscardedByScanner": 2,
    "ParallelAcquisitionTechnique": "SENSE",
    "ParallelReductionFactorInPlane": 2,
    "PatientPosition": "HFS",
    "PhaseEncodingDirection": "j",
    "PhilipsRescaleIntercept": 0,
    "PhilipsRescaleSlope": 0.78559,
    "PhilipsScaleSlope": 0.0888475,
    "ProtocolName": "WIPpioprsSENSE",
    "PulseSequenceType": "gradient echo EPI",
    "ReconMatrixPE": 80,
    "RepetitionTime": 0.75,
    "SeriesDescription": "ImageMRSERIES",
    "SeriesNumber": 6,
    "SliceEncodingDirection": "k",
    "SliceTiming": [
      0.0,
      0.06755050505050506,
      0.1351010101010101,
      0.20265151515151517,
      0.2702020202020202,
      0.3377525252525253,
      0.40530303030303033,
      0.47285353535353536,
      0.5404040404040404,
      0.6079545454545455,
      0.6755050505050506,
      0.7430555555555556,
      0.0,
      0.06755050505050506,
      0.1351010101010101,
      0.20265151515151517,
      0.2702020202020202,
      0.3377525252525253,
      0.40530303030303033,
      0.47285353535353536,
      0.5404040404040404,
      0.6079545454545455,
      0.6755050505050506,
      0.7430555555555556,
      0.0,
      0.06755050505050506,
      0.1351010101010101,
      0.20265151515151517,
      0.2702020202020202,
      0.3377525252525253,
      0.40530303030303033,
      0.47285353535353536,
      0.5404040404040404,
      0.6079545454545455,
      0.6755050505050506,
      0.7430555555555556
    ],
    "TaskName": "restingstate",
    "TotalReadoutTime": 0.024699802401580786,
    "UsePhilipsFloatNotDisplayScaling": 1,
    "acq_id": "mb3",
    "dataset": "ds002785",
    "modality": "bold",
    "subject_id": "0040",
    "task_id": "restingstate"
  },
  "dummy_trs": 0,
  "dvars_nstd": 33.351946888622116,
  "dvars_std": 1.144566657056366,
  "dvars_vstd": 1.0554139399791227,
  "efc": 0.47803227597380576,
  "fber": 96366.9296875,
  "fd_mean": 0.15516342552460569,
  "fd_num": 75,
  "fd_perc": 15.625,
  "fwhm_avg": 1.8189835436906108,
  "fwhm_x": 1.7669866666666667,
  "fwhm_y": 1.9590366666666668,
  "fwhm_z": 1.7309272977384986,
  "gcor": 0.0268181,
  "gsr_x": -0.009661518037319183,
  "gsr_y": 0.02641562558710575,
  "provenance": {
    "md5sum": "ee5a69e6d409b3cf99774da7924bd27e",
    "settings": {
      "fd_thres": 0.2,
      "testing": false
    },
    "software": "mriqc",
    "version": "22.0.0rc1",
    "webapi_port": null,
    "webapi_url": "https://mriqc.nimh.nih.gov/api/v1"
  },
  "size_t": 480,
  "size_x": 80,
  "size_y": 80,
  "size_z": 36,
  "snr": 5.789884741981216,
  "spacing_tr": 0.75,
  "spacing_x": 3.0,
  "spacing_y": 3.0,
  "spacing_z": 3.299999952316284,
  "summary_bg_k": 22.48768041199119,
  "summary_bg_mad": 57.95292449305511,
  "summary_bg_mean": 515.7894287109375,
  "summary_bg_median": 52.31462097167969,
  "summary_bg_n": 145723.0,
  "summary_bg_p05": 5.127010631561279,
  "summary_bg_p95": 2941.53645019531,
  "summary_bg_stdv": 1251.09521484375,
  "summary_fg_k": 0.9066735637704926,
  "summary_fg_mad": 2707.7673568709624,
  "summary_fg_mean": 16870.958984375,
  "summary_fg_median": 16680.15625,
  "summary_fg_n": 42729.0,
  "summary_fg_p05": 12525.7576171875,
  "summary_fg_p95": 21829.723046875,
  "summary_fg_stdv": 2880.879638671875,
  "tsnr": 40.54206848144531
}