{
  "aor": 0.0007806530612244897,
  "aqi": 0.004057593346938775,
  "bids_meta": {
    "AcquisitionNumber": 3,
    "BidsifyVersion": "0.3.5",
    "ConversionSoftware": "dcm2niix",
    "ConversionSoftwareVersion": "v1.0.20181125  GCC6.3.0",
    "EchoTime": 0.02762,
    "EffectiveEchoSpacing": 0.0006621159151938905,
    "ImageComments": "PIOP",
    "ImageOrientationPatientDICOM": [
      0.999644,
      -0.0266828,
      0.000811799,
      0.0261766,
      0.973809,
      -0.225857
    ],
    "Manufacturer": "Philips",
    "NumberOfVolumesDiscardedByScanner": 2,
    "ParallelAcquisitionTechnique": "SENSE",
    "ParallelReductionFactorInPlane": 2,
    "PatientPosition": "HFS",
    "PhaseEncodingDirection": "j",
    "PhilipsRescaleIntercept": 0,
    "PhilipsRescaleSlope": 0.81001,
    "PhilipsScaleSlope": 0.0526702,
    "ProtocolName": "WIPpiopgstroopSENSE",
    "PulseSequenceType": "gradient echo EPI",
    "ReconMatrixPE": 80,
    "RepetitionTime": 2,
    "SeriesDescription": "ImageMRSERIES",
    "SeriesNumber": 3,
    "SliceEncodingDirection": "k",
    "SliceTiming": [
      0.0,
      0.0541,
      0.1081,
      0.1622,
      0.2162,
      0.2703,
      0.3243,
      0.3784,
      0.4324,
      0.4865,
      0.5405,
      0.5946,
      0.6486,
      0.7027,
      0.7568,
      0.8108,
      0.8649,
      0.9189,
      0.973,
      1.027,
      1.0811,
      1.1351,
      1.1892,
      1.2432,
      1.2973,
      1.3514,
      1.4054,
      1.4595,
      1.5135,
      1.5676,
      1.6216,
      1.6757,
      1.7297,
      1.7838,
      1.8378,
      1.8919,
      1.9459
    ],
    "TaskName": "gstroop",
    "TotalReadoutTime": 0.025822520692561732,
    "UsePhilipsFloatNotDisplayScaling": 1,
    "acq_id": "seq",
    "dataset": "ds002785",
    "modality": "bold",
    "subject_id": "0072",
    "task_id": "gstroop"
  },
  "dummy_trs": 0,
  "dvars_nstd": 17.52583989918033,
  "dvars_std": 1.1193185837704913,
  "dvars_vstd": 0.9929126386885253,
  "efc": 0.4202820128461363,
  "fber": 221759.890625,
  "fd_mean": 0.08185094921418698,
  "fd_num": 9,
  "fd_perc": 3.673469387755102,
  "fwhm_avg": 1.8919874834839139,
  "fwhm_x": 1.8484733333333334,
  "fwhm_y": 2.013646666666667,
  "fwhm_z": 1.8138424504517419,
  "gcor": 0.0192673,
  "gsr_x": -0.017258843407034874,
  "gsr_y": 0.012601394206285477,
  "provenance": {
    "md5sum": "cc6b6d604262012c3708f072e8b5b2e2",
    "settings": {
      "fd_thres": 0.2,
      "testing": false
    },
    "software": "mriqc",
    "version": "22.0.0rc1",
    "webapi_port": null,
    "webapi_url": "https://mriqc.nimh.nih.gov/api/v1"
  },
  "size_t": 245,
  "size_x": 80,
  "size_y": 80,
  "size_z": 37,
  "snr": 4.92783810887922,
  "spacing_tr": 2.0,
  "spacing_x": 3.0,
  "spacing_y": 3.0,
  "spacing_z": 3.299999952316284,
  "summary_bg_k": 91.32123690581732,
  "summary_bg_mad": 51.46621741341124,
  "summary_bg_mean": 518.097900390625,
  "summary_bg_median": 51.484344482421875,
  "summary_bg_n": 160212.0,
  "summary_bg_p05": 3.7001205563545225,
  "summary_bg_p95": 2744.0106933593725,
  "summary_bg_stdv": 1679.88818359375,
  "summary_fg_k": 2.0151870433781864,
  "summary_fg_mad": 4444.661917217398,
  "summary_fg_mean": 25438.12890625,
  "summary_fg_median": 24763.45703125,
  "summary_fg_n": 35757.0,
  "summary_fg_p05": 18629.596484375,
  "summary_fg_p95": 34215.859375,
  "summary_fg_stdv": 5025.14697265625,
  "tsnr": 84.67633056640625
}