{
  "aor": 0.00189320987654321,
  "aqi": 0.0048523407407407414,
  "bids_meta": {
    "AcquisitionNumber": 8,
    "BidsifyVersion": "0.3.5",
    "ConversionSoftware": "dcm2niix",
    "ConversionSoftwareVersion": "v1.0.20181125  GCC6.3.0",
    "EchoTime": 0.02762,
    "EffectiveEchoSpacing": 0.0006621159151938905,
    "ImageComments": "piop",
    "ImageOrientationPatientDICOM": [
      0.999875,
      -0.0156068,
      -0.00248854,
      0.0157073,
      0.998751,
      0.0474219
    ],
    "Manufacturer": "Philips",
    "NumberOfVolumesDiscardedByScanner": 2,
    "ParallelAcquisitionTechnique": "SENSE",
    "ParallelReductionFactorInPlane": 2,
    "PatientPosition": "HFS",
    "PhaseEncodingDirection": "j",
    "PhilipsRescaleIntercept": 0,
    "PhilipsRescaleSlope": 0.78706,
    "PhilipsScaleSlope": 0.0595756,
    "ProtocolName": "WIPpiopwmSENSE",
    "PulseSequenceType": "gradient echo EPI",
    "ReconMatrixPE": 80,
    "RepetitionTime": 2,
    "SeriesDescription": "ImageMRSERIES",
    "SeriesNumber": 8,
    "SliceEncodingDirection": "k",
    "SliceTiming": [
      0.0,
      0.0541,
      0.1081,
      0.1622,
      0.2162,
      0.2703,
      0.3243,
      0.3784,
      0.4324,
      0.4865,
      0.5405,
      0.5946,
      0.6486,
      0.7027,
      0.7568,
      0.8108,
      0.8649,
      0.9189,
      0.973,
      1.027,
      1.0811,
      1.1351,
      1.1892,
      1.2432,
      1.2973,
      1.3514,
      1.4054,
      1.4595,
      1.5135,
      1.5676,
      1.6216,
      1.6757,
      1.7297,
      1.7838,
      1.8378,
      1.8919,
      1.9459
    ],
    "TaskName": "workingmemory",
    "TotalReadoutTime": 0.025822520692561732,
    "UsePhilipsFloatNotDisplayScaling": 1,
    "acq_id": "seq",
    "dataset": "ds002785",
    "modality": "bold",
    "subject_id": "0080",
    "task_id": "workingmemory"
  },
  "dummy_trs": 0,
  "dvars_nstd": 19.96508892124224,
  "dvars_std": 1.2463999847204965,
  "dvars_vstd": 1.005289357329193,
  "efc": 0.41037894383876805,
  "fber": 163029.671875,
  "fd_mean": 0.1359973363559142,
  "fd_num": 14,
  "fd_perc": 8.641975308641975,
  "fwhm_avg": 1.8535978872037993,
  "fwhm_x": 1.80178,
  "fwhm_y": 2.0117166666666666,
  "fwhm_z": 1.7472969949447312,
  "gcor": 0.0122301,
  "gsr_x": -0.016841962933540344,
  "gsr_y": 0.011912843212485313,
  "provenance": {
    "md5sum": "7456b6db16f77f3134234590c34cfbba",
    "settings": {
      "fd_thres": 0.2,
      "testing": false
    },
    "software": "mriqc",
    "version": "22.0.0rc1",
    "webapi_port": null,
    "webapi_url": "https://mriqc.nimh.nih.gov/api/v1"
  },
  "size_t": 162,
  "size_x": 80,
  "size_y": 80,
  "size_z": 37,
  "snr": 5.694332638710702,
  "spacing_tr": 2.0,
  "spacing_x": 3.0,
  "spacing_y": 3.0,
  "spacing_z": 3.299999952316284,
  "summary_bg_k": 62.61309651499515,
  "summary_bg_mad": 64.21906576184882,
  "summary_bg_mean": 516.77490234375,
  "summary_bg_median": 57.97627258300781,
  "summary_bg_n": 164097.0,
  "summary_bg_p05": 3.4425744056701677,
  "summary_bg_p95": 2678.6675292968735,
  "summary_bg_stdv": 1432.173828125,
  "summary_fg_k": 1.8508449149358723,
  "summary_fg_mad": 3901.424302385621,
  "summary_fg_mean": 24332.734375,
  "summary_fg_median": 23883.30078125,
  "summary_fg_n": 32623.0,
  "summary_fg_p05": 18325.256640625,
  "summary_fg_p95": 31430.354882812495,
  "summary_fg_stdv": 4194.15869140625,
  "tsnr": 81.66921997070312
}