{
  "aor": 0.00036722689075630255,
  "aqi": 0.01030278651260504,
  "bids_meta": {
    "AcquisitionNumber": 6,
    "BidsifyVersion": "0.3.5",
    "ConversionSoftware": "dcm2niix",
    "ConversionSoftwareVersion": "v1.0.20181125  GCC6.3.0",
    "EchoTime": 0.02762,
    "EffectiveEchoSpacing": 0.0006333282667071997,
    "ImageComments": "piop",
    "ImageOrientationPatientDICOM": [
      0.999522,
      -0.0308003,
      -0.00254354,
      0.0308874,
      0.998348,
      0.0484457
    ],
    "Manufacturer": "Philips",
    "NumberOfVolumesDiscardedByScanner": 2,
    "ParallelAcquisitionTechnique": "SENSE",
    "ParallelReductionFactorInPlane": 2,
    "PatientPosition": "HFS",
    "PhaseEncodingDirection": "j",
    "PhilipsRescaleIntercept": 0,
    "PhilipsRescaleSlope": 0.81368,
    "PhilipsScaleSlope": 0.0949244,
    "ProtocolName": "WIPpioprsSENSE",
    "PulseSequenceType": "gradient echo EPI",
    "ReconMatrixPE": 80,
    "RepetitionTime": 0.75,
    "SeriesDescription": "ImageMRSERIES",
    "SeriesNumber": 6,
    "SliceEncodingDirection": "k",
    "SliceTiming": [
      0.0,
      0.06755050505050506,
      0.1351010101010101,
      0.20265151515151517,
      0.2702020202020202,
      0.3377525252525253,
      0.40530303030303033,
      0.47285353535353536,
      0.5404040404040404,
      0.6079545454545455,
      0.6755050505050506,
      0.7430555555555556,
      0.0,
      0.06755050505050506,
      0.1351010101010101,
      0.20265151515151517,
      0.2702020202020202,
      0.3377525252525253,
      0.40530303030303033,
      0.47285353535353536,
      0.5404040404040404,
      0.6079545454545455,
      0.6755050505050506,
      0.7430555555555556,
      0.0,
      0.06755050505050506,
      0.1351010101010101,
      0.20265151515151517,
      0.2702020202020202,
      0.3377525252525253,
      0.40530303030303033,
      0.47285353535353536,
      0.5404040404040404,
      0.6079545454545455,
      0.6755050505050506,
      0.7430555555555556
    ],
    "TaskName": "restingstate",
    "TotalReadoutTime": 0.024699802401580786,
    "UsePhilipsFloatNotDisplayScaling": 1,
    "acq_id": "mb3",
    "dataset": "ds002785",
    "modality": "bold",
    "subject_id": "0080",
    "task_id": "restingstate"
  },
  "dummy_trs": 4,
  "dvars_nstd": 28.921715493515777,
  "dvars_std": 1.144969054989474,
  "dvars_vstd": 0.9971621383578941,
  "efc": 0.4174994062139028,
  "fber": 169908.890625,
  "fd_mean": 0.10361337586015751,
  "fd_num": 18,
  "fd_perc": 3.7815126050420167,
  "fwhm_avg": 1.8672652609746259,
  "fwhm_x": 1.8201166666666666,
  "fwhm_y": 2.0274366666666666,
  "fwhm_z": 1.7542424495905449,
  "gcor": 0.00986851,
  "gsr_x": -0.017074620351195335,
  "gsr_y": 0.009887976571917534,
  "provenance": {
    "md5sum": "690d2846b600e441608dc52c16ae7d0c",
    "settings": {
      "fd_thres": 0.2,
      "testing": false
    },
    "software": "mriqc",
    "version": "22.0.0rc1",
    "webapi_port": null,
    "webapi_url": "https://mriqc.nimh.nih.gov/api/v1"
  },
  "size_t": 476,
  "size_x": 80,
  "size_y": 80,
  "size_z": 36,
  "snr": 6.89599343407595,
  "spacing_tr": 0.75,
  "spacing_x": 3.0,
  "spacing_y": 3.0,
  "spacing_z": 3.299999952316284,
  "summary_bg_k": 51.84132659392608,
  "summary_bg_mad": 49.9430286311447,
  "summary_bg_mean": 381.2477111816406,
  "summary_bg_median": 41.74867630004883,
  "summary_bg_n": 158435.0,
  "summary_bg_p05": 2.0944707870483397,
  "summary_bg_p95": 1956.5758911132807,
  "summary_bg_stdv": 1012.5477905273438,
  "summary_fg_k": 1.2147724766478252,
  "summary_fg_mad": 2302.102631589064,
  "summary_fg_mean": 17339.328125,
  "summary_fg_median": 17283.32421875,
  "summary_fg_n": 32292.0,
  "summary_fg_p05": 13399.250048828126,
  "summary_fg_p95": 21501.078515625,
  "summary_fg_stdv": 2506.24609375,
  "tsnr": 52.528072357177734
}