{
  "aor": 0.0017866666666666669,
  "aqi": 0.0031239320740740744,
  "bids_meta": {
    "AcquisitionNumber": 5,
    "BidsifyVersion": "0.3.5",
    "ConversionSoftware": "dcm2niix",
    "ConversionSoftwareVersion": "v1.0.20181125  GCC6.3.0",
    "EchoTime": 0.02762,
    "EffectiveEchoSpacing": 0.0006621159151938905,
    "ImageComments": "piop",
    "ImageOrientationPatientDICOM": [
      0.999875,
      -0.0156068,
      -0.00248854,
      0.0157073,
      0.998751,
      0.0474219
    ],
    "Manufacturer": "Philips",
    "NumberOfVolumesDiscardedByScanner": 2,
    "ParallelAcquisitionTechnique": "SENSE",
    "ParallelReductionFactorInPlane": 2,
    "PatientPosition": "HFS",
    "PhaseEncodingDirection": "j",
    "PhilipsRescaleIntercept": 0,
    "PhilipsRescaleSlope": 0.76459,
    "PhilipsScaleSlope": 0.060063,
    "ProtocolName": "WIPpiopharririSENSE",
    "PulseSequenceType": "gradient echo EPI",
    "ReconMatrixPE": 80,
    "RepetitionTime": 2,
    "SeriesDescription": "ImageMRSERIES",
    "SeriesNumber": 5,
    "SliceEncodingDirection": "k",
    "SliceTiming": [
      0.0,
      0.0541,
      0.1081,
      0.1622,
      0.2162,
      0.2703,
      0.3243,
      0.3784,
      0.4324,
      0.4865,
      0.5405,
      0.5946,
      0.6486,
      0.7027,
      0.7568,
      0.8108,
      0.8649,
      0.9189,
      0.973,
      1.027,
      1.0811,
      1.1351,
      1.1892,
      1.2432,
      1.2973,
      1.3514,
      1.4054,
      1.4595,
      1.5135,
      1.5676,
      1.6216,
      1.6757,
      1.7297,
      1.7838,
      1.8378,
      1.8919,
      1.9459
    ],
    "TaskName": "emomatching",
    "TotalReadoutTime": 0.025822520692561732,
    "UsePhilipsFloatNotDisplayScaling": 1,
    "acq_id": "seq",
    "dataset": "ds002785",
    "modality": "bold",
    "subject_id": "0080",
    "task_id": "emomatching"
  },
  "dummy_trs": 0,
  "dvars_nstd": 18.946260915223885,
  "dvars_std": 1.2357052115671636,
  "dvars_vstd": 1.0237645761194027,
  "efc": 0.4090011244844737,
  "fber": 163771.546875,
  "fd_mean": 0.1233992628256963,
  "fd_num": 8,
  "fd_perc": 5.925925925925926,
  "fwhm_avg": 1.8548162711199627,
  "fwhm_x": 1.7925366666666667,
  "fwhm_y": 2.0084666666666666,
  "fwhm_z": 1.7634454800265555,
  "gcor": 0.0169984,
  "gsr_x": -0.016330892220139503,
  "gsr_y": 0.011577469296753407,
  "provenance": {
    "md5sum": "7d002b5ea83980258b8b7fa107eae0a0",
    "settings": {
      "fd_thres": 0.2,
      "testing": false
    },
    "software": "mriqc",
    "version": "22.0.0rc1",
    "webapi_port": null,
    "webapi_url": "https://mriqc.nimh.nih.gov/api/v1"
  },
  "size_t": 135,
  "size_x": 80,
  "size_y": 80,
  "size_z": 37,
  "snr": 5.716121289511568,
  "spacing_tr": 2.0,
  "spacing_x": 3.0,
  "spacing_y": 3.0,
  "spacing_z": 3.299999952316284,
  "summary_bg_k": 66.43229440972675,
  "summary_bg_mad": 63.27324258809653,
  "summary_bg_mean": 505.1323547363281,
  "summary_bg_median": 58.00857162475586,
  "summary_bg_n": 164069.0,
  "summary_bg_p05": 3.3224430084228516,
  "summary_bg_p95": 2620.3669921875016,
  "summary_bg_stdv": 1418.9156494140625,
  "summary_fg_k": 1.977940364992583,
  "summary_fg_mad": 3912.9854144117608,
  "summary_fg_mean": 24447.763671875,
  "summary_fg_median": 24002.2109375,
  "summary_fg_n": 32580.0,
  "summary_fg_p05": 18442.3310546875,
  "summary_fg_p95": 31512.876171875,
  "summary_fg_stdv": 4198.9736328125,
  "tsnr": 93.11703491210938
}