{
  "aor": 0.0008237142857142858,
  "aqi": 0.003114115183673469,
  "bids_meta": {
    "AcquisitionNumber": 3,
    "BidsifyVersion": "0.3.5",
    "ConversionSoftware": "dcm2niix",
    "ConversionSoftwareVersion": "v1.0.20181125  GCC6.3.0",
    "EchoTime": 0.02762,
    "EffectiveEchoSpacing": 0.0006621159151938905,
    "ImageComments": "piop",
    "ImageOrientationPatientDICOM": [
      0.999875,
      -0.0156068,
      -0.00248854,
      0.0157073,
      0.998751,
      0.0474219
    ],
    "Manufacturer": "Philips",
    "NumberOfVolumesDiscardedByScanner": 2,
    "ParallelAcquisitionTechnique": "SENSE",
    "ParallelReductionFactorInPlane": 2,
    "PatientPosition": "HFS",
    "PhaseEncodingDirection": "j",
    "PhilipsRescaleIntercept": 0,
    "PhilipsRescaleSlope": 0.82076,
    "PhilipsScaleSlope": 0.0568519,
    "ProtocolName": "WIPpiopgstroopSENSE",
    "PulseSequenceType": "gradient echo EPI",
    "ReconMatrixPE": 80,
    "RepetitionTime": 2,
    "SeriesDescription": "ImageMRSERIES",
    "SeriesNumber": 3,
    "SliceEncodingDirection": "k",
    "SliceTiming": [
      0.0,
      0.0541,
      0.1081,
      0.1622,
      0.2162,
      0.2703,
      0.3243,
      0.3784,
      0.4324,
      0.4865,
      0.5405,
      0.5946,
      0.6486,
      0.7027,
      0.7568,
      0.8108,
      0.8649,
      0.9189,
      0.973,
      1.027,
      1.0811,
      1.1351,
      1.1892,
      1.2432,
      1.2973,
      1.3514,
      1.4054,
      1.4595,
      1.5135,
      1.5676,
      1.6216,
      1.6757,
      1.7297,
      1.7838,
      1.8378,
      1.8919,
      1.9459
    ],
    "TaskName": "gstroop",
    "TotalReadoutTime": 0.025822520692561732,
    "UsePhilipsFloatNotDisplayScaling": 1,
    "acq_id": "seq",
    "dataset": "ds002785",
    "modality": "bold",
    "subject_id": "0080",
    "task_id": "gstroop"
  },
  "dummy_trs": 0,
  "dvars_nstd": 17.791517804795067,
  "dvars_std": 1.1713307939344257,
  "dvars_vstd": 1.0080780859016398,
  "efc": 0.4077027268784525,
  "fber": 161819.578125,
  "fd_mean": 0.11430539141605121,
  "fd_num": 10,
  "fd_perc": 4.081632653061225,
  "fwhm_avg": 1.8056220284100706,
  "fwhm_x": 1.75445,
  "fwhm_y": 1.9582766666666667,
  "fwhm_z": 1.7041394185635454,
  "gcor": 0.0359887,
  "gsr_x": -0.015795597806572914,
  "gsr_y": 0.011511793360114098,
  "provenance": {
    "md5sum": "14843fa57dd298f8cd285c27d33329fa",
    "settings": {
      "fd_thres": 0.2,
      "testing": false
    },
    "software": "mriqc",
    "version": "22.0.0rc1",
    "webapi_port": null,
    "webapi_url": "https://mriqc.nimh.nih.gov/api/v1"
  },
  "size_t": 245,
  "size_x": 80,
  "size_y": 80,
  "size_z": 37,
  "snr": 5.843432673980277,
  "spacing_tr": 2.0,
  "spacing_x": 3.0,
  "spacing_y": 3.0,
  "spacing_z": 3.299999952316284,
  "summary_bg_k": 72.99206383790131,
  "summary_bg_mad": 64.47925949893231,
  "summary_bg_mean": 495.22467041015625,
  "summary_bg_median": 58.365482330322266,
  "summary_bg_n": 164203.0,
  "summary_bg_p05": 3.277575469017029,
  "summary_bg_p95": 2556.9103759765617,
  "summary_bg_stdv": 1409.3486328125,
  "summary_fg_k": 2.0130871741324423,
  "summary_fg_mad": 3813.8899616371723,
  "summary_fg_mean": 24433.388671875,
  "summary_fg_median": 23997.7265625,
  "summary_fg_n": 32499.0,
  "summary_fg_p05": 18647.9259765625,
  "summary_fg_p95": 31331.148046874998,
  "summary_fg_stdv": 4106.72265625,
  "tsnr": 92.75204467773438
}