{
  "bids_meta": {
    "AcquisitionNumber": 4,
    "BidsifyVersion": "0.3.5",
    "ConversionSoftware": "dcm2niix",
    "ConversionSoftwareVersion": "v1.0.20181125  GCC6.3.0",
    "EchoTime": 0.00381,
    "ImageComments": "piop",
    "ImageOrientationPatientDICOM": [
      0.998303,
      0.0537076,
      0.0224877,
      -0.0561634,
      0.990105,
      0.128601
    ],
    "Manufacturer": "Philips",
    "PatientPosition": "HFS",
    "PhilipsRescaleIntercept": 0,
    "PhilipsRescaleSlope": 8.54823,
    "PhilipsScaleSlope": 0.00775377,
    "ProtocolName": "WIPt13dSENSE",
    "ReconMatrixPE": 240,
    "RepetitionTime": 0.008275,
    "SeriesDescription": "ImageMRSERIES",
    "SeriesNumber": 4,
    "UsePhilipsFloatNotDisplayScaling": 1,
    "dataset": "ds002785",
    "modality": "T1w",
    "subject_id": "0050"
  },
  "cjv": 0.34049181175380566,
  "cnr": 3.8314464072064642,
  "efc": 0.7499000417956195,
  "fber": 781.7501831054688,
  "fwhm_avg": 3.5071830632957144,
  "fwhm_x": 3.460859587433387,
  "fwhm_y": 3.72583,
  "fwhm_z": 3.334859602453756,
  "icvs_csf": 0.19364318254555501,
  "icvs_gm": 0.43386928595599583,
  "icvs_wm": 0.37248753149844915,
  "inu_med": 1.842681884765625,
  "inu_range": 0.36556102037429805,
  "provenance": {
    "md5sum": "9500556f576c460f03896f4a72bb9f72",
    "settings": {
      "testing": false
    },
    "software": "mriqc",
    "version": "22.0.0rc1",
    "warnings": {
      "large_rot_frame": true,
      "small_air_mask": true
    },
    "webapi_port": null,
    "webapi_url": "https://mriqc.nimh.nih.gov/api/v1"
  },
  "qi_1": 0.0,
  "qi_2": 0.00010041723815230354,
  "rpve_csf": 34.13329590513851,
  "rpve_gm": 16.82320321756442,
  "rpve_wm": 24.373631259000106,
  "size_x": 240,
  "size_y": 240,
  "size_z": 220,
  "snr_csf": 2.358908770587145,
  "snr_gm": 7.417468967015677,
  "snr_total": 9.731509361801653,
  "snr_wm": 19.418150347802136,
  "snrd_csf": 21.51464591328661,
  "snrd_gm": 48.34157346179601,
  "snrd_total": 49.27680703108601,
  "snrd_wm": 77.9742017181754,
  "spacing_x": 1.0000001192092896,
  "spacing_y": 1.0,
  "spacing_z": 1.0000001192092896,
  "summary_bg_k": 276.82301505117647,
  "summary_bg_mad": 8.401791973306436,
  "summary_bg_mean": 13.749526977539062,
  "summary_bg_median": 11.244820594787598,
  "summary_bg_n": 166459.0,
  "summary_bg_p05": 0.0,
  "summary_bg_p95": 34.11872482299805,
  "summary_bg_stdv": 14.159662246704102,
  "summary_csf_k": -0.932126215556699,
  "summary_csf_mad": 141.7737014083111,
  "summary_csf_mean": 262.35015869140625,
  "summary_csf_median": 275.9144287109375,
  "summary_csf_n": 6865.0,
  "summary_csf_p05": 79.4961669921875,
  "summary_csf_p95": 436.1463439941406,
  "summary_csf_stdv": 116.95845794677734,
  "summary_gm_k": 0.10854963818648766,
  "summary_gm_mad": 81.70528163545715,
  "summary_gm_mean": 623.8836669921875,
  "summary_gm_median": 619.9561767578125,
  "summary_gm_n": 17087.0,
  "summary_gm_p05": 492.2551300048828,
  "summary_gm_p95": 766.8129577636718,
  "summary_gm_stdv": 83.57810974121094,
  "summary_wm_k": 0.7113049076533744,
  "summary_wm_mad": 47.68958710782698,
  "summary_wm_mean": 997.1783447265625,
  "summary_wm_median": 999.9796142578125,
  "summary_wm_n": 165575.0,
  "summary_wm_p05": 907.7949401855469,
  "summary_wm_p95": 1076.3363159179687,
  "summary_wm_stdv": 51.497005462646484,
  "tpm_overlap_csf": 0.17247676849365234,
  "tpm_overlap_gm": 0.449909508228302,
  "tpm_overlap_wm": 0.5043755769729614,
  "wm2max": 0.7186413327792028
}