{
  "aor": 0.0002958054711246201,
  "aqi": 0.00908830632218845,
  "bids_meta": {
    "AcquisitionNumber": 2,
    "BidsifyVersion": "0.3.5",
    "ConversionSoftware": "dcm2niix",
    "ConversionSoftwareVersion": "v1.0.20181125  GCC6.3.0",
    "EchoTime": 0.02762,
    "ImageComments": "PIOP",
    "ImageOrientationPatientDICOM": [
      0.999269,
      0.0375518,
      -0.00709926,
      -0.0382134,
      0.97924,
      -0.199071
    ],
    "Manufacturer": "Philips",
    "NumberOfVolumesDiscardedByScanner": 2,
    "ParallelAcquisitionTechnique": "SENSE",
    "ParallelReductionFactorInPlane": 2,
    "PatientPosition": "HFS",
    "PhaseEncodingDirection": "j",
    "PhilipsRescaleIntercept": 0,
    "PhilipsRescaleSlope": 0.73626,
    "PhilipsScaleSlope": 0.084417,
    "ProtocolName": "WIPpiopfacesSENSE",
    "PulseSequenceType": "gradient echo EPI",
    "ReconMatrixPE": 80,
    "RepetitionTime": 0.75,
    "SeriesDescription": "ImageMRSERIES",
    "SeriesNumber": 2,
    "SliceEncodingDirection": "k",
    "TaskName": "faces",
    "UsePhilipsFloatNotDisplayScaling": 1,
    "acq_id": "mb3",
    "dataset": "ds002785",
    "modality": "bold",
    "subject_id": "0213",
    "task_id": "faces"
  },
  "dummy_trs": 1,
  "dvars_nstd": 21.311934488719494,
  "dvars_std": 1.0892220383536586,
  "dvars_vstd": 0.9837847882012193,
  "efc": 0.45564728858049897,
  "fber": 163564.734375,
  "fd_mean": 0.09494191157913888,
  "fd_num": 3,
  "fd_perc": 0.9118541033434651,
  "fwhm_avg": 2.0608549011427377,
  "fwhm_x": 2.0851433333333333,
  "fwhm_y": 2.2753,
  "fwhm_z": 1.8221213700948804,
  "gcor": 0.0150259,
  "gsr_x": -0.01749093271791935,
  "gsr_y": 0.018510926514863968,
  "provenance": {
    "md5sum": "82a8786e454cc7dd0efb97a581c42dee",
    "settings": {
      "fd_thres": 0.2,
      "testing": false
    },
    "software": "mriqc",
    "version": "23.0.1",
    "webapi_port": null,
    "webapi_url": "https://mriqc.nimh.nih.gov/api/v1"
  },
  "size_t": 329,
  "size_x": 80,
  "size_y": 80,
  "size_z": 36,
  "snr": 6.991663281000404,
  "spacing_tr": 0.75,
  "spacing_x": 3.0,
  "spacing_y": 3.0,
  "spacing_z": 3.299999713897705,
  "summary_bg_k": 53.90533727196784,
  "summary_bg_mad": 53.8704916440039,
  "summary_bg_mean": 469.3447265625,
  "summary_bg_median": 47.926856994628906,
  "summary_bg_n": 149867.0,
  "summary_bg_p05": 2.829001307487488,
  "summary_bg_p95": 2707.1118164062455,
  "summary_bg_stdv": 1231.353271484375,
  "summary_fg_k": 1.45806627738519,
  "summary_fg_mad": 2652.9429275682937,
  "summary_fg_mean": 19797.919921875,
  "summary_fg_median": 19832.068359375,
  "summary_fg_n": 38929.0,
  "summary_fg_p05": 15234.8587890625,
  "summary_fg_p95": 24235.7234375,
  "summary_fg_stdv": 2836.494384765625,
  "tsnr": 62.841983795166016
}