{
  "aor": 0.0007607,
  "aqi": 0.00394597885,
  "bids_meta": {
    "AcquisitionNumber": 9,
    "BidsifyVersion": "0.3.5",
    "ConversionSoftware": "dcm2niix",
    "ConversionSoftwareVersion": "v1.0.20181125  GCC6.3.0",
    "EchoTime": 0.02762,
    "ImageComments": "PIOP",
    "ImageOrientationPatientDICOM": [
      0.999269,
      0.0375518,
      -0.00709926,
      -0.0382134,
      0.97924,
      -0.199071
    ],
    "Manufacturer": "Philips",
    "NumberOfVolumesDiscardedByScanner": 2,
    "ParallelAcquisitionTechnique": "SENSE",
    "ParallelReductionFactorInPlane": 2,
    "PatientPosition": "HFS",
    "PhaseEncodingDirection": "j",
    "PhilipsRescaleIntercept": 0,
    "PhilipsRescaleSlope": 0.75092,
    "PhilipsScaleSlope": 0.0557627,
    "ProtocolName": "WIPpiopanticipatieSENSE",
    "PulseSequenceType": "gradient echo EPI",
    "ReconMatrixPE": 80,
    "RepetitionTime": 2,
    "SeriesDescription": "ImageMRSERIES",
    "SeriesNumber": 9,
    "SliceEncodingDirection": "k",
    "TaskName": "anticipation",
    "UsePhilipsFloatNotDisplayScaling": 1,
    "acq_id": "seq",
    "dataset": "ds002785",
    "modality": "bold",
    "subject_id": "0213",
    "task_id": "anticipation"
  },
  "dummy_trs": 0,
  "dvars_nstd": 21.079928259145724,
  "dvars_std": 1.2639975506532668,
  "dvars_vstd": 1.0016217601507538,
  "efc": 0.45048858893808036,
  "fber": 156087.953125,
  "fd_mean": 0.13105452315217556,
  "fd_num": 28,
  "fd_perc": 14.0,
  "fwhm_avg": 1.8076934424510966,
  "fwhm_x": 1.7682033333333333,
  "fwhm_y": 1.97158,
  "fwhm_z": 1.6832969940199562,
  "gcor": 0.0203485,
  "gsr_x": -0.017188886180520058,
  "gsr_y": 0.020120881497859955,
  "provenance": {
    "md5sum": "b4d5c1fece109bd9d9a6dd9f38f6d669",
    "settings": {
      "fd_thres": 0.2,
      "testing": false
    },
    "software": "mriqc",
    "version": "23.0.1",
    "webapi_port": null,
    "webapi_url": "https://mriqc.nimh.nih.gov/api/v1"
  },
  "size_t": 200,
  "size_x": 80,
  "size_y": 80,
  "size_z": 37,
  "snr": 5.750014546206921,
  "spacing_tr": 2.0,
  "spacing_x": 3.0,
  "spacing_y": 3.0,
  "spacing_z": 3.299999952316284,
  "summary_bg_k": 77.44137957943417,
  "summary_bg_mad": 66.17585138796225,
  "summary_bg_mean": 611.4441528320312,
  "summary_bg_median": 62.11637878417969,
  "summary_bg_n": 154587.0,
  "summary_bg_p05": 3.851341724395752,
  "summary_bg_p95": 3601.836352539055,
  "summary_bg_stdv": 1691.5155029296875,
  "summary_fg_k": 3.1596344296277756,
  "summary_fg_mad": 3916.01287655912,
  "summary_fg_mean": 25774.78515625,
  "summary_fg_median": 25444.0703125,
  "summary_fg_n": 39692.0,
  "summary_fg_p05": 19456.1658203125,
  "summary_fg_p95": 32662.54736328125,
  "summary_fg_stdv": 4424.98876953125,
  "tsnr": 91.328857421875
}