{
  "aor": 0.0016948163265306123,
  "aqi": 0.009437954408163264,
  "bids_meta": {
    "AcquisitionNumber": 3,
    "BidsifyVersion": "0.3.5",
    "ConversionSoftware": "dcm2niix",
    "ConversionSoftwareVersion": "v1.0.20181125  GCC6.3.0",
    "EchoTime": 0.02762,
    "ImageComments": "PIOP",
    "ImageOrientationPatientDICOM": [
      0.999269,
      0.0375518,
      -0.00709926,
      -0.0382134,
      0.97924,
      -0.199071
    ],
    "Manufacturer": "Philips",
    "NumberOfVolumesDiscardedByScanner": 2,
    "ParallelAcquisitionTechnique": "SENSE",
    "ParallelReductionFactorInPlane": 2,
    "PatientPosition": "HFS",
    "PhaseEncodingDirection": "j",
    "PhilipsRescaleIntercept": 0,
    "PhilipsRescaleSlope": 0.75922,
    "PhilipsScaleSlope": 0.0521218,
    "ProtocolName": "WIPpiopgstroopSENSE",
    "PulseSequenceType": "gradient echo EPI",
    "ReconMatrixPE": 80,
    "RepetitionTime": 2,
    "SeriesDescription": "ImageMRSERIES",
    "SeriesNumber": 3,
    "SliceEncodingDirection": "k",
    "TaskName": "gstroop",
    "UsePhilipsFloatNotDisplayScaling": 1,
    "acq_id": "seq",
    "dataset": "ds002785",
    "modality": "bold",
    "subject_id": "0213",
    "task_id": "gstroop"
  },
  "dummy_trs": 0,
  "dvars_nstd": 22.866532505450813,
  "dvars_std": 1.2662291346721308,
  "dvars_vstd": 0.9905302422950827,
  "efc": 0.447835805244994,
  "fber": 159481.875,
  "fd_mean": 0.15323282271194072,
  "fd_num": 55,
  "fd_perc": 22.448979591836736,
  "fwhm_avg": 1.7804912199803409,
  "fwhm_x": 1.7441333333333333,
  "fwhm_y": 1.9656433333333334,
  "fwhm_z": 1.6316969932743561,
  "gcor": 0.024413,
  "gsr_x": -0.016887472942471504,
  "gsr_y": 0.020732222124934196,
  "provenance": {
    "md5sum": "0f18318b00ce507c31eb4287af53d917",
    "settings": {
      "fd_thres": 0.2,
      "testing": false
    },
    "software": "mriqc",
    "version": "23.0.1",
    "webapi_port": null,
    "webapi_url": "https://mriqc.nimh.nih.gov/api/v1"
  },
  "size_t": 245,
  "size_x": 80,
  "size_y": 80,
  "size_z": 37,
  "snr": 5.820320043481678,
  "spacing_tr": 2.0,
  "spacing_x": 3.0,
  "spacing_y": 3.0,
  "spacing_z": 3.299999952316284,
  "summary_bg_k": 109.6800562665617,
  "summary_bg_mad": 69.17494182347878,
  "summary_bg_mean": 630.9274291992188,
  "summary_bg_median": 63.473026275634766,
  "summary_bg_n": 155153.0,
  "summary_bg_p05": 4.203351306915284,
  "summary_bg_p95": 3647.569824218747,
  "summary_bg_stdv": 1831.6971435546875,
  "summary_fg_k": 3.225077643738003,
  "summary_fg_mad": 3969.15489982868,
  "summary_fg_mean": 26712.994140625,
  "summary_fg_median": 26343.56640625,
  "summary_fg_n": 39360.0,
  "summary_fg_p05": 20298.64677734375,
  "summary_fg_p95": 33710.297265624984,
  "summary_fg_stdv": 4526.07958984375,
  "tsnr": 63.54866409301758
}