{
  "aor": 0.0016590123456790124,
  "aqi": 0.00918305438271605,
  "bids_meta": {
    "AcquisitionNumber": 8,
    "BidsifyVersion": "0.3.5",
    "ConversionSoftware": "dcm2niix",
    "ConversionSoftwareVersion": "v1.0.20181125  GCC6.3.0",
    "EchoTime": 0.02762,
    "ImageComments": "PIOP",
    "ImageOrientationPatientDICOM": [
      0.999269,
      0.0375518,
      -0.00709926,
      -0.0382134,
      0.97924,
      -0.199071
    ],
    "Manufacturer": "Philips",
    "NumberOfVolumesDiscardedByScanner": 2,
    "ParallelAcquisitionTechnique": "SENSE",
    "ParallelReductionFactorInPlane": 2,
    "PatientPosition": "HFS",
    "PhaseEncodingDirection": "j",
    "PhilipsRescaleIntercept": 0,
    "PhilipsRescaleSlope": 0.74359,
    "PhilipsScaleSlope": 0.0526844,
    "ProtocolName": "WIPpiopwmSENSE",
    "PulseSequenceType": "gradient echo EPI",
    "ReconMatrixPE": 80,
    "RepetitionTime": 2,
    "SeriesDescription": "ImageMRSERIES",
    "SeriesNumber": 8,
    "SliceEncodingDirection": "k",
    "TaskName": "workingmemory",
    "UsePhilipsFloatNotDisplayScaling": 1,
    "acq_id": "seq",
    "dataset": "ds002785",
    "modality": "bold",
    "subject_id": "0213",
    "task_id": "workingmemory"
  },
  "dummy_trs": 0,
  "dvars_nstd": 22.526493617577636,
  "dvars_std": 1.2197858465838511,
  "dvars_vstd": 0.9613520514285713,
  "efc": 0.4499956389445872,
  "fber": 149643.53125,
  "fd_mean": 0.14400312832724704,
  "fd_num": 27,
  "fd_perc": 16.666666666666668,
  "fwhm_avg": 1.8503248567469173,
  "fwhm_x": 1.80849,
  "fwhm_y": 2.02713,
  "fwhm_z": 1.7153545702407513,
  "gcor": 0.0133173,
  "gsr_x": -0.01689854823052883,
  "gsr_y": 0.02028817869722843,
  "provenance": {
    "md5sum": "216cf3f3d5311a7e5199f18bcdd9d823",
    "settings": {
      "fd_thres": 0.2,
      "testing": false
    },
    "software": "mriqc",
    "version": "23.0.1",
    "webapi_port": null,
    "webapi_url": "https://mriqc.nimh.nih.gov/api/v1"
  },
  "size_t": 162,
  "size_x": 80,
  "size_y": 80,
  "size_z": 37,
  "snr": 5.589738343816236,
  "spacing_tr": 2.0,
  "spacing_x": 3.0,
  "spacing_y": 3.0,
  "spacing_z": 3.299999952316284,
  "summary_bg_k": 85.36469744430448,
  "summary_bg_mad": 71.32361472803464,
  "summary_bg_mean": 620.5650634765625,
  "summary_bg_median": 63.88551330566406,
  "summary_bg_n": 154720.0,
  "summary_bg_p05": 3.992906951904297,
  "summary_bg_p95": 3630.4069946289046,
  "summary_bg_stdv": 1723.454833984375,
  "summary_fg_k": 3.251691276940555,
  "summary_fg_mad": 4004.3334018824207,
  "summary_fg_mean": 25968.560546875,
  "summary_fg_median": 25598.71484375,
  "summary_fg_n": 39688.0,
  "summary_fg_p05": 19431.002734375,
  "summary_fg_p95": 33118.620898437504,
  "summary_fg_stdv": 4579.533203125,
  "tsnr": 67.16447448730469
}