{
  "aor": 0.0023170149253731345,
  "aqi": 0.006783749701492538,
  "bids_meta": {
    "AcquisitionNumber": 5,
    "BidsifyVersion": "0.3.5",
    "ConversionSoftware": "dcm2niix",
    "ConversionSoftwareVersion": "v1.0.20181125  GCC6.3.0",
    "EchoTime": 0.02762,
    "ImageComments": "PIOP",
    "ImageOrientationPatientDICOM": [
      0.999269,
      0.0375518,
      -0.00709926,
      -0.0382134,
      0.97924,
      -0.199071
    ],
    "Manufacturer": "Philips",
    "NumberOfVolumesDiscardedByScanner": 2,
    "ParallelAcquisitionTechnique": "SENSE",
    "ParallelReductionFactorInPlane": 2,
    "PatientPosition": "HFS",
    "PhaseEncodingDirection": "j",
    "PhilipsRescaleIntercept": 0,
    "PhilipsRescaleSlope": 0.76166,
    "PhilipsScaleSlope": 0.052409,
    "ProtocolName": "WIPpiopharririSENSE",
    "PulseSequenceType": "gradient echo EPI",
    "ReconMatrixPE": 80,
    "RepetitionTime": 2,
    "SeriesDescription": "ImageMRSERIES",
    "SeriesNumber": 5,
    "SliceEncodingDirection": "k",
    "TaskName": "emomatching",
    "UsePhilipsFloatNotDisplayScaling": 1,
    "acq_id": "seq",
    "dataset": "ds002785",
    "modality": "bold",
    "subject_id": "0213",
    "task_id": "emomatching"
  },
  "dummy_trs": 1,
  "dvars_nstd": 22.141241461052637,
  "dvars_std": 1.261777514285714,
  "dvars_vstd": 0.9932806178947367,
  "efc": 0.44970462857750987,
  "fber": 156904.390625,
  "fd_mean": 0.15672841730591572,
  "fd_num": 26,
  "fd_perc": 19.402985074626866,
  "fwhm_avg": 1.8355138465521303,
  "fwhm_x": 1.7962233333333335,
  "fwhm_y": 2.0144333333333333,
  "fwhm_z": 1.695884872989725,
  "gcor": 0.0134509,
  "gsr_x": -0.01674466021358967,
  "gsr_y": 0.02123085781931877,
  "provenance": {
    "md5sum": "c0625b023459d6311dbfc8557402ea13",
    "settings": {
      "fd_thres": 0.2,
      "testing": false
    },
    "software": "mriqc",
    "version": "23.0.1",
    "webapi_port": null,
    "webapi_url": "https://mriqc.nimh.nih.gov/api/v1"
  },
  "size_t": 134,
  "size_x": 80,
  "size_y": 80,
  "size_z": 37,
  "snr": 5.604096223038025,
  "spacing_tr": 2.0,
  "spacing_x": 3.0,
  "spacing_y": 3.0,
  "spacing_z": 3.299999952316284,
  "summary_bg_k": 89.09250239804008,
  "summary_bg_mad": 70.24116096300452,
  "summary_bg_mean": 624.0245361328125,
  "summary_bg_median": 63.27680206298828,
  "summary_bg_n": 154726.0,
  "summary_bg_p05": 4.034940719604492,
  "summary_bg_p95": 3672.0203247070312,
  "summary_bg_stdv": 1743.3526611328125,
  "summary_fg_k": 2.935201192858221,
  "summary_fg_mad": 4098.642250228904,
  "summary_fg_mean": 26347.45703125,
  "summary_fg_median": 25978.361328125,
  "summary_fg_n": 39721.0,
  "summary_fg_p05": 19716.2109375,
  "summary_fg_p95": 33616.109375,
  "summary_fg_stdv": 4635.5439453125,
  "tsnr": 71.73701477050781
}