{
  "bids_meta": {
    "AcquisitionNumber": 4,
    "BidsifyVersion": "0.3.5",
    "ConversionSoftware": "dcm2niix",
    "ConversionSoftwareVersion": "v1.0.20181125  GCC6.3.0",
    "EchoTime": 0.00379,
    "ImageComments": "PIOP",
    "ImageOrientationPatientDICOM": [
      0.999109,
      0.0279861,
      0.0315813,
      -0.0237198,
      0.991465,
      -0.128197
    ],
    "Manufacturer": "Philips",
    "PatientPosition": "HFS",
    "PhilipsRescaleIntercept": 0,
    "PhilipsRescaleSlope": 9.90525,
    "PhilipsScaleSlope": 0.00758204,
    "ProtocolName": "WIPt13dSENSE",
    "ReconMatrixPE": 240,
    "RepetitionTime": 0.008259,
    "SeriesDescription": "ImageMRSERIES",
    "SeriesNumber": 4,
    "UsePhilipsFloatNotDisplayScaling": 1,
    "dataset": "ds002785",
    "modality": "T1w",
    "subject_id": "0086"
  },
  "cjv": 0.3249535417021233,
  "cnr": 3.8886830310845304,
  "efc": 0.7813942173619424,
  "fber": 328.8504943847656,
  "fwhm_avg": 3.6484399999999995,
  "fwhm_x": 3.57395,
  "fwhm_y": 3.85301,
  "fwhm_z": 3.51836,
  "icvs_csf": 0.20409612732667765,
  "icvs_gm": 0.42423139785120456,
  "icvs_wm": 0.3716724748221178,
  "inu_med": 1.7910245656967163,
  "inu_range": 0.6399468779563904,
  "provenance": {
    "md5sum": "d71d6db818ac85c836daae8bb4bd5dd6",
    "settings": {
      "testing": false
    },
    "software": "mriqc",
    "version": "22.0.0rc1",
    "warnings": {
      "large_rot_frame": true,
      "small_air_mask": true
    },
    "webapi_port": null,
    "webapi_url": "https://mriqc.nimh.nih.gov/api/v1"
  },
  "qi_1": 0.0,
  "qi_2": 0.0001789093549557539,
  "rpve_csf": 25.901744274793415,
  "rpve_gm": 13.427995700946846,
  "rpve_wm": 19.398068957021206,
  "size_x": 240,
  "size_y": 240,
  "size_z": 220,
  "snr_csf": 2.8763876297593316,
  "snr_gm": 7.547228430505894,
  "snr_total": 9.778876239101285,
  "snr_wm": 18.913012657038628,
  "snrd_csf": 22.640619389913,
  "snrd_gm": 38.62357958562861,
  "snrd_total": 41.27950267451735,
  "snrd_wm": 62.57430904801045,
  "spacing_x": 1.0,
  "spacing_y": 1.0,
  "spacing_z": 1.0,
  "summary_bg_k": 192.22342502830884,
  "summary_bg_mad": 10.46969895920168,
  "summary_bg_mean": 15.22395133972168,
  "summary_bg_median": 14.053356170654297,
  "summary_bg_n": 196634.0,
  "summary_bg_p05": 0.0,
  "summary_bg_p95": 35.58822517395019,
  "summary_bg_stdv": 14.289874076843262,
  "summary_csf_k": -0.6645884464880987,
  "summary_csf_mad": 120.00114850404228,
  "summary_csf_mean": 330.34033203125,
  "summary_csf_median": 361.8185119628906,
  "summary_csf_n": 7215.0,
  "summary_csf_p05": 104.08254013061523,
  "summary_csf_p95": 494.64713134765617,
  "summary_csf_stdv": 125.78048706054688,
  "summary_gm_k": 0.43028391843934033,
  "summary_gm_mad": 76.53906805777751,
  "summary_gm_mean": 622.7094116210938,
  "summary_gm_median": 617.2413330078125,
  "summary_gm_n": 21130.0,
  "summary_gm_p05": 497.4873611450195,
  "summary_gm_p95": 769.0243835449219,
  "summary_gm_stdv": 81.78190612792969,
  "summary_wm_k": 0.9583413073846105,
  "summary_wm_mad": 47.838625551056886,
  "summary_wm_mean": 997.1229858398438,
  "summary_wm_median": 999.9966430664062,
  "summary_wm_n": 220603.0,
  "summary_wm_p05": 905.2359802246094,
  "summary_wm_p95": 1078.1230834960938,
  "summary_wm_stdv": 52.87335205078125,
  "tpm_overlap_csf": 0.16867710649967194,
  "tpm_overlap_gm": 0.45225176215171814,
  "tpm_overlap_wm": 0.5037627220153809,
  "wm2max": 0.7067725566505451
}