{
  "bids_meta": {
    "AcquisitionNumber": 4,
    "BidsifyVersion": "0.3.5",
    "ConversionSoftware": "dcm2niix",
    "ConversionSoftwareVersion": "v1.0.20181125  GCC6.3.0",
    "EchoTime": 0.00374,
    "ImageComments": "piop",
    "ImageOrientationPatientDICOM": [
      0.998652,
      -0.0323184,
      0.0406291,
      0.030686,
      0.998721,
      0.0401778
    ],
    "Manufacturer": "Philips",
    "PatientPosition": "HFS",
    "PhilipsRescaleIntercept": 0,
    "PhilipsRescaleSlope": 8.58364,
    "PhilipsScaleSlope": 0.00750623,
    "ProtocolName": "WIPt13dSENSE",
    "ReconMatrixPE": 240,
    "RepetitionTime": 0.00816,
    "SeriesDescription": "ImageMRSERIES",
    "SeriesNumber": 4,
    "UsePhilipsFloatNotDisplayScaling": 1,
    "dataset": "ds002785",
    "modality": "T1w",
    "subject_id": "0068"
  },
  "cjv": 0.33150627944699423,
  "cnr": 3.814547788988268,
  "efc": 0.7329203172528995,
  "fber": 2100.394775390625,
  "fwhm_avg": 3.452463057742549,
  "fwhm_x": 3.42192,
  "fwhm_y": 3.6341095667803804,
  "fwhm_z": 3.301359606447267,
  "icvs_csf": 0.20294636280539102,
  "icvs_gm": 0.4129782507217744,
  "icvs_wm": 0.38407538647283457,
  "inu_med": 2.4112071990966797,
  "inu_range": 0.5315753340721128,
  "provenance": {
    "md5sum": "c97db9d10f47c9717dac5dddcfe09754",
    "settings": {
      "testing": false
    },
    "software": "mriqc",
    "version": "22.0.0rc1",
    "warnings": {
      "large_rot_frame": true,
      "small_air_mask": true
    },
    "webapi_port": null,
    "webapi_url": "https://mriqc.nimh.nih.gov/api/v1"
  },
  "qi_1": 0.0011684731342466088,
  "qi_2": 0.0002460747282981956,
  "rpve_csf": 29.655772644021074,
  "rpve_gm": 15.483324828963077,
  "rpve_wm": 22.007025009032155,
  "size_x": 240,
  "size_y": 240,
  "size_z": 220,
  "snr_csf": 1.3238725860363971,
  "snr_gm": 7.361284092294024,
  "snr_total": 9.810681169094872,
  "snr_wm": 20.746886828954192,
  "snrd_csf": 21.045218324554195,
  "snrd_gm": 53.95392590251715,
  "snrd_total": 53.75649815483851,
  "snrd_wm": 86.27035023744419,
  "spacing_x": 1.0,
  "spacing_y": 1.0000001192092896,
  "spacing_z": 1.0000001192092896,
  "summary_bg_k": 94.14705822626175,
  "summary_bg_mad": 7.593739717035537,
  "summary_bg_mean": 10.17319393157959,
  "summary_bg_median": 10.060911178588867,
  "summary_bg_n": 104936.0,
  "summary_bg_p05": 0.0,
  "summary_bg_p95": 26.417117595672607,
  "summary_bg_stdv": 10.138148307800293,
  "summary_csf_k": 48.06163088619088,
  "summary_csf_mad": 140.73022870127113,
  "summary_csf_mean": 260.6736145019531,
  "summary_csf_median": 243.93685913085938,
  "summary_csf_n": 2771.0,
  "summary_csf_p05": 80.61211013793945,
  "summary_csf_p95": 443.9291687011719,
  "summary_csf_stdv": 184.22682189941406,
  "summary_gm_k": 0.21575505617599067,
  "summary_gm_mad": 80.05984111786702,
  "summary_gm_mean": 628.2604370117188,
  "summary_gm_median": 625.3843994140625,
  "summary_gm_n": 16392.0,
  "summary_gm_p05": 491.65952758789064,
  "summary_gm_p95": 775.9125762939453,
  "summary_gm_stdv": 84.95329284667969,
  "summary_wm_k": 0.7883635285447381,
  "summary_wm_mad": 44.11655557720603,
  "summary_wm_mean": 998.2547607421875,
  "summary_wm_median": 999.9667358398438,
  "summary_wm_n": 196262.0,
  "summary_wm_p05": 916.247036743164,
  "summary_wm_p95": 1074.1371948242186,
  "summary_wm_stdv": 48.19827651977539,
  "tpm_overlap_csf": 0.16799333691596985,
  "tpm_overlap_gm": 0.4352513551712036,
  "tpm_overlap_wm": 0.510408341884613,
  "wm2max": 0.7234767777400796
}