{
  "aor": 0.0014648744769874477,
  "aqi": 0.012822294414225941,
  "bids_meta": {
    "AcquisitionNumber": 6,
    "BidsifyVersion": "0.3.5",
    "ConversionSoftware": "dcm2niix",
    "ConversionSoftwareVersion": "v1.0.20181125  GCC6.3.0",
    "EchoTime": 0.02762,
    "EffectiveEchoSpacing": 0.0006333282667071997,
    "ImageComments": "Piop",
    "ImageOrientationPatientDICOM": [
      0.998611,
      -0.0467219,
      0.0243389,
      0.0512864,
      0.967807,
      -0.246413
    ],
    "Manufacturer": "Philips",
    "NumberOfVolumesDiscardedByScanner": 2,
    "ParallelAcquisitionTechnique": "SENSE",
    "ParallelReductionFactorInPlane": 2,
    "PatientPosition": "HFS",
    "PhaseEncodingDirection": "j",
    "PhilipsRescaleIntercept": 0,
    "PhilipsRescaleSlope": 0.81197,
    "PhilipsScaleSlope": 0.0790464,
    "ProtocolName": "WIPpioprsSENSE",
    "PulseSequenceType": "gradient echo EPI",
    "ReconMatrixPE": 80,
    "RepetitionTime": 0.75,
    "SeriesDescription": "ImageMRSERIES",
    "SeriesNumber": 6,
    "SliceEncodingDirection": "k",
    "SliceTiming": [
      0.0,
      0.06755050505050506,
      0.1351010101010101,
      0.20265151515151517,
      0.2702020202020202,
      0.3377525252525253,
      0.40530303030303033,
      0.47285353535353536,
      0.5404040404040404,
      0.6079545454545455,
      0.6755050505050506,
      0.7430555555555556,
      0.0,
      0.06755050505050506,
      0.1351010101010101,
      0.20265151515151517,
      0.2702020202020202,
      0.3377525252525253,
      0.40530303030303033,
      0.47285353535353536,
      0.5404040404040404,
      0.6079545454545455,
      0.6755050505050506,
      0.7430555555555556,
      0.0,
      0.06755050505050506,
      0.1351010101010101,
      0.20265151515151517,
      0.2702020202020202,
      0.3377525252525253,
      0.40530303030303033,
      0.47285353535353536,
      0.5404040404040404,
      0.6079545454545455,
      0.6755050505050506,
      0.7430555555555556
    ],
    "TaskName": "restingstate",
    "TotalReadoutTime": 0.024699802401580786,
    "UsePhilipsFloatNotDisplayScaling": 1,
    "acq_id": "mb3",
    "dataset": "ds002785",
    "modality": "bold",
    "subject_id": "0102",
    "task_id": "restingstate"
  },
  "dummy_trs": 2,
  "dvars_nstd": 29.185813451802936,
  "dvars_std": 1.0854890913207549,
  "dvars_vstd": 0.978808880775682,
  "efc": 0.4647004748699155,
  "fber": 152392.828125,
  "fd_mean": 0.14277821371769175,
  "fd_num": 67,
  "fd_perc": 14.01673640167364,
  "fwhm_avg": 2.0246802110956525,
  "fwhm_x": 2.0035766666666666,
  "fwhm_y": 2.1862366666666664,
  "fwhm_z": 1.884227299953624,
  "gcor": 0.025889,
  "gsr_x": -0.015909837558865547,
  "gsr_y": 0.016775984317064285,
  "provenance": {
    "md5sum": "4649416abeabf6d44d29f5dcf8535884",
    "settings": {
      "fd_thres": 0.2,
      "testing": false
    },
    "software": "mriqc",
    "version": "22.0.0rc1",
    "webapi_port": null,
    "webapi_url": "https://mriqc.nimh.nih.gov/api/v1"
  },
  "size_t": 478,
  "size_x": 80,
  "size_y": 80,
  "size_z": 36,
  "snr": 5.635350661366589,
  "spacing_tr": 0.75,
  "spacing_x": 3.0,
  "spacing_y": 3.0,
  "spacing_z": 3.299999952316284,
  "summary_bg_k": 30.05613103068618,
  "summary_bg_mad": 49.46965257166115,
  "summary_bg_mean": 443.4515686035156,
  "summary_bg_median": 44.2251091003418,
  "summary_bg_n": 147163.0,
  "summary_bg_p05": 2.8441492080688477,
  "summary_bg_p95": 2632.3130859374974,
  "summary_bg_stdv": 1236.21240234375,
  "summary_fg_k": 0.5061664065636458,
  "summary_fg_mad": 3084.1593754597498,
  "summary_fg_mean": 18000.8828125,
  "summary_fg_median": 17947.1875,
  "summary_fg_n": 41214.0,
  "summary_fg_p05": 12934.902392578126,
  "summary_fg_p95": 23309.435546875,
  "summary_fg_stdv": 3184.712158203125,
  "tsnr": 40.11520767211914
}