{
  "aor": 0.01574255,
  "aqi": 0.01279260565,
  "bids_meta": {
    "AcquisitionNumber": 9,
    "BidsifyVersion": "0.3.5",
    "ConversionSoftware": "dcm2niix",
    "ConversionSoftwareVersion": "v1.0.20181125  GCC6.3.0",
    "EchoTime": 0.02762,
    "EffectiveEchoSpacing": 0.0006621159151938905,
    "ImageComments": "Piop",
    "ImageOrientationPatientDICOM": [
      0.998611,
      -0.0467219,
      0.0243389,
      0.0512864,
      0.967807,
      -0.246413
    ],
    "Manufacturer": "Philips",
    "NumberOfVolumesDiscardedByScanner": 2,
    "ParallelAcquisitionTechnique": "SENSE",
    "ParallelReductionFactorInPlane": 2,
    "PatientPosition": "HFS",
    "PhaseEncodingDirection": "j",
    "PhilipsRescaleIntercept": 0,
    "PhilipsRescaleSlope": 0.75995,
    "PhilipsScaleSlope": 0.0578488,
    "ProtocolName": "WIPpiopanticipatieSENSE",
    "PulseSequenceType": "gradient echo EPI",
    "ReconMatrixPE": 80,
    "RepetitionTime": 2,
    "SeriesDescription": "ImageMRSERIES",
    "SeriesNumber": 9,
    "SliceEncodingDirection": "k",
    "SliceTiming": [
      0.0,
      0.0541,
      0.1081,
      0.1622,
      0.2162,
      0.2703,
      0.3243,
      0.3784,
      0.4324,
      0.4865,
      0.5405,
      0.5946,
      0.6486,
      0.7027,
      0.7568,
      0.8108,
      0.8649,
      0.9189,
      0.973,
      1.027,
      1.0811,
      1.1351,
      1.1892,
      1.2432,
      1.2973,
      1.3514,
      1.4054,
      1.4595,
      1.5135,
      1.5676,
      1.6216,
      1.6757,
      1.7297,
      1.7838,
      1.8378,
      1.8919,
      1.9459
    ],
    "TaskName": "anticipation",
    "TotalReadoutTime": 0.025822520692561732,
    "UsePhilipsFloatNotDisplayScaling": 1,
    "acq_id": "seq",
    "dataset": "ds002785",
    "modality": "bold",
    "subject_id": "0102",
    "task_id": "anticipation"
  },
  "dummy_trs": 0,
  "dvars_nstd": 27.87627911663316,
  "dvars_std": 1.1894693183417082,
  "dvars_vstd": 1.0507837181407038,
  "efc": 0.4615622266733151,
  "fber": 157025.484375,
  "fd_mean": 0.28363626164695466,
  "fd_num": 62,
  "fd_perc": 31.0,
  "fwhm_avg": 1.9132819279893678,
  "fwhm_x": 1.8442966666666667,
  "fwhm_y": 2.0690399999999998,
  "fwhm_z": 1.8265091173014367,
  "gcor": 0.0399706,
  "gsr_x": -0.014864251017570496,
  "gsr_y": 0.017924074083566666,
  "provenance": {
    "md5sum": "23d74bbc8035e79e3d26c6a627708987",
    "settings": {
      "fd_thres": 0.2,
      "testing": false
    },
    "software": "mriqc",
    "version": "22.0.0rc1",
    "webapi_port": null,
    "webapi_url": "https://mriqc.nimh.nih.gov/api/v1"
  },
  "size_t": 200,
  "size_x": 80,
  "size_y": 80,
  "size_z": 37,
  "snr": 4.995805764494932,
  "spacing_tr": 2.0,
  "spacing_x": 3.0,
  "spacing_y": 3.0,
  "spacing_z": 3.299999952316284,
  "summary_bg_k": 31.898362652005382,
  "summary_bg_mad": 57.26474717316397,
  "summary_bg_mean": 594.181396484375,
  "summary_bg_median": 58.06169128417969,
  "summary_bg_n": 151775.0,
  "summary_bg_p05": 5.886831045150757,
  "summary_bg_p95": 3581.602636718738,
  "summary_bg_stdv": 1711.8834228515625,
  "summary_fg_k": 1.8335447855316032,
  "summary_fg_mad": 4314.439057122836,
  "summary_fg_mean": 24298.978515625,
  "summary_fg_median": 23782.841796875,
  "summary_fg_n": 42225.0,
  "summary_fg_p05": 17494.23984375,
  "summary_fg_p95": 32370.655078125,
  "summary_fg_stdv": 4760.50537109375,
  "tsnr": 45.45496368408203
}