{
  "aor": 0.010423636363636364,
  "aqi": 0.012579229666666667,
  "bids_meta": {
    "AcquisitionNumber": 2,
    "BidsifyVersion": "0.3.5",
    "ConversionSoftware": "dcm2niix",
    "ConversionSoftwareVersion": "v1.0.20181125  GCC6.3.0",
    "EchoTime": 0.02762,
    "ImageComments": "Piop",
    "ImageOrientationPatientDICOM": [
      0.999657,
      0.0259047,
      -0.00395877,
      -0.0261769,
      0.980067,
      -0.196937
    ],
    "Manufacturer": "Philips",
    "NumberOfVolumesDiscardedByScanner": 2,
    "ParallelAcquisitionTechnique": "SENSE",
    "ParallelReductionFactorInPlane": 2,
    "PatientPosition": "HFS",
    "PhaseEncodingDirection": "j",
    "PhilipsRescaleIntercept": 0,
    "PhilipsRescaleSlope": 0.73968,
    "PhilipsScaleSlope": 0.0860388,
    "ProtocolName": "WIPpiopfacesSENSE",
    "PulseSequenceType": "gradient echo EPI",
    "ReconMatrixPE": 80,
    "RepetitionTime": 0.75,
    "SeriesDescription": "ImageMRSERIES",
    "SeriesNumber": 2,
    "SliceEncodingDirection": "k",
    "TaskName": "faces",
    "UsePhilipsFloatNotDisplayScaling": 1,
    "acq_id": "mb3",
    "dataset": "ds002785",
    "modality": "bold",
    "subject_id": "0215",
    "task_id": "faces"
  },
  "dummy_trs": 0,
  "dvars_nstd": 21.701004074468084,
  "dvars_std": 1.210403346352583,
  "dvars_vstd": 1.0414664953799395,
  "efc": 0.39732130238244245,
  "fber": 226442.703125,
  "fd_mean": 0.11393678790894027,
  "fd_num": 22,
  "fd_perc": 6.666666666666667,
  "fwhm_avg": 1.9547808605813282,
  "fwhm_x": 1.9564466666666667,
  "fwhm_y": 2.09122,
  "fwhm_z": 1.8166759150773177,
  "gcor": 0.017477,
  "gsr_x": -0.02139984257519245,
  "gsr_y": 0.012428736314177513,
  "provenance": {
    "md5sum": "1304d3ee64116ab9c90de5dced9fa1e1",
    "settings": {
      "fd_thres": 0.2,
      "testing": false
    },
    "software": "mriqc",
    "version": "23.0.1",
    "webapi_port": null,
    "webapi_url": "https://mriqc.nimh.nih.gov/api/v1"
  },
  "size_t": 330,
  "size_x": 80,
  "size_y": 80,
  "size_z": 36,
  "snr": 8.025144347777628,
  "spacing_tr": 0.75,
  "spacing_x": 3.0,
  "spacing_y": 3.0,
  "spacing_z": 3.299999713897705,
  "summary_bg_k": 56.09637570534728,
  "summary_bg_mad": 42.23844821737931,
  "summary_bg_mean": 414.12255859375,
  "summary_bg_median": 42.51539611816406,
  "summary_bg_n": 161910.0,
  "summary_bg_p05": 3.2264563798904433,
  "summary_bg_p95": 2206.647607421874,
  "summary_bg_stdv": 1282.3839111328125,
  "summary_fg_k": 1.3850862440986447,
  "summary_fg_mad": 2351.308664496312,
  "summary_fg_mean": 20598.095703125,
  "summary_fg_median": 20506.732421875,
  "summary_fg_n": 28885.0,
  "summary_fg_p05": 16593.16484375,
  "summary_fg_p95": 24767.6015625,
  "summary_fg_stdv": 2555.265869140625,
  "tsnr": 59.61468505859375
}