{
  "aor": 0.0010379999999999999,
  "aqi": 0.005747477836734694,
  "bids_meta": {
    "AcquisitionNumber": 3,
    "BidsifyVersion": "0.3.5",
    "ConversionSoftware": "dcm2niix",
    "ConversionSoftwareVersion": "v1.0.20181125  GCC6.3.0",
    "EchoTime": 0.02762,
    "ImageComments": "Piop",
    "ImageOrientationPatientDICOM": [
      0.999657,
      0.0259047,
      -0.00395877,
      -0.0261769,
      0.980067,
      -0.196937
    ],
    "Manufacturer": "Philips",
    "NumberOfVolumesDiscardedByScanner": 2,
    "ParallelAcquisitionTechnique": "SENSE",
    "ParallelReductionFactorInPlane": 2,
    "PatientPosition": "HFS",
    "PhaseEncodingDirection": "j",
    "PhilipsRescaleIntercept": 0,
    "PhilipsRescaleSlope": 0.80147,
    "PhilipsScaleSlope": 0.0513462,
    "ProtocolName": "WIPpiopgstroopSENSE",
    "PulseSequenceType": "gradient echo EPI",
    "ReconMatrixPE": 80,
    "RepetitionTime": 2,
    "SeriesDescription": "ImageMRSERIES",
    "SeriesNumber": 3,
    "SliceEncodingDirection": "k",
    "TaskName": "gstroop",
    "UsePhilipsFloatNotDisplayScaling": 1,
    "acq_id": "seq",
    "dataset": "ds002785",
    "modality": "bold",
    "subject_id": "0215",
    "task_id": "gstroop"
  },
  "dummy_trs": 0,
  "dvars_nstd": 19.317216279303267,
  "dvars_std": 1.221074997336066,
  "dvars_vstd": 0.9917578668442623,
  "efc": 0.39146326997873854,
  "fber": 210245.09375,
  "fd_mean": 0.08849493759226572,
  "fd_num": 15,
  "fd_perc": 6.122448979591836,
  "fwhm_avg": 1.6905852603654947,
  "fwhm_x": 1.6575733333333333,
  "fwhm_y": 1.7864066666666665,
  "fwhm_z": 1.6277757810964844,
  "gcor": 0.0342155,
  "gsr_x": -0.021022966131567955,
  "gsr_y": 0.013461020775139332,
  "provenance": {
    "md5sum": "6446cec76e5d06b345d00a2bb825c048",
    "settings": {
      "fd_thres": 0.2,
      "testing": false
    },
    "software": "mriqc",
    "version": "23.0.1",
    "webapi_port": null,
    "webapi_url": "https://mriqc.nimh.nih.gov/api/v1"
  },
  "size_t": 245,
  "size_x": 80,
  "size_y": 80,
  "size_z": 37,
  "snr": 6.398741479044252,
  "spacing_tr": 2.0,
  "spacing_x": 3.0,
  "spacing_y": 3.0,
  "spacing_z": 3.299999952316284,
  "summary_bg_k": 81.66310179351301,
  "summary_bg_mad": 58.57626369922439,
  "summary_bg_mean": 592.3839721679688,
  "summary_bg_median": 60.30501174926758,
  "summary_bg_n": 167440.0,
  "summary_bg_p05": 4.37023630142212,
  "summary_bg_p95": 3131.095141601562,
  "summary_bg_stdv": 1962.146728515625,
  "summary_fg_k": 2.3398278936030144,
  "summary_fg_mad": 4094.113363764563,
  "summary_fg_mean": 28752.921875,
  "summary_fg_median": 28354.8359375,
  "summary_fg_n": 29255.0,
  "summary_fg_p05": 22523.4712890625,
  "summary_fg_p95": 36029.615234375,
  "summary_fg_stdv": 4431.23876953125,
  "tsnr": 85.4509506225586
}