{
  "aor": 0.002259259259259259,
  "aqi": 0.005794093777777778,
  "bids_meta": {
    "AcquisitionNumber": 5,
    "BidsifyVersion": "0.3.5",
    "ConversionSoftware": "dcm2niix",
    "ConversionSoftwareVersion": "v1.0.20181125  GCC6.3.0",
    "EchoTime": 0.02762,
    "ImageComments": "Piop",
    "ImageOrientationPatientDICOM": [
      0.999657,
      0.0259047,
      -0.00395877,
      -0.0261769,
      0.980067,
      -0.196937
    ],
    "Manufacturer": "Philips",
    "NumberOfVolumesDiscardedByScanner": 2,
    "ParallelAcquisitionTechnique": "SENSE",
    "ParallelReductionFactorInPlane": 2,
    "PatientPosition": "HFS",
    "PhaseEncodingDirection": "j",
    "PhilipsRescaleIntercept": 0,
    "PhilipsRescaleSlope": 0.78559,
    "PhilipsScaleSlope": 0.0504882,
    "ProtocolName": "WIPpiopharririSENSE",
    "PulseSequenceType": "gradient echo EPI",
    "ReconMatrixPE": 80,
    "RepetitionTime": 2,
    "SeriesDescription": "ImageMRSERIES",
    "SeriesNumber": 5,
    "SliceEncodingDirection": "k",
    "TaskName": "emomatching",
    "UsePhilipsFloatNotDisplayScaling": 1,
    "acq_id": "seq",
    "dataset": "ds002785",
    "modality": "bold",
    "subject_id": "0215",
    "task_id": "emomatching"
  },
  "dummy_trs": 0,
  "dvars_nstd": 18.268662353059696,
  "dvars_std": 1.1983585946268658,
  "dvars_vstd": 1.0062302033582091,
  "efc": 0.3910905269702529,
  "fber": 223633.796875,
  "fd_mean": 0.09212291586285673,
  "fd_num": 4,
  "fd_perc": 2.962962962962963,
  "fwhm_avg": 1.7176276846873628,
  "fwhm_x": 1.6963533333333334,
  "fwhm_y": 1.81226,
  "fwhm_z": 1.6442697207287547,
  "gcor": 0.0254566,
  "gsr_x": -0.020731396973133087,
  "gsr_y": 0.01311492919921875,
  "provenance": {
    "md5sum": "366ea5d12bb5884bc4eb30b8afceda6f",
    "settings": {
      "fd_thres": 0.2,
      "testing": false
    },
    "software": "mriqc",
    "version": "23.0.1",
    "webapi_port": null,
    "webapi_url": "https://mriqc.nimh.nih.gov/api/v1"
  },
  "size_t": 135,
  "size_x": 80,
  "size_y": 80,
  "size_z": 37,
  "snr": 6.2065858290071585,
  "spacing_tr": 2.0,
  "spacing_x": 3.0,
  "spacing_y": 3.0,
  "spacing_z": 3.299999952316284,
  "summary_bg_k": 75.84770629429727,
  "summary_bg_mad": 57.17945105592156,
  "summary_bg_mean": 596.0289916992188,
  "summary_bg_median": 59.13921356201172,
  "summary_bg_n": 167470.0,
  "summary_bg_p05": 4.210982918739319,
  "summary_bg_p95": 3215.3689575195312,
  "summary_bg_stdv": 1952.8289794921875,
  "summary_fg_k": 2.174011528816317,
  "summary_fg_mad": 4187.250898444278,
  "summary_fg_mean": 28997.267578125,
  "summary_fg_median": 28583.46484375,
  "summary_fg_n": 29258.0,
  "summary_fg_p05": 22444.37666015625,
  "summary_fg_p95": 36646.2544921875,
  "summary_fg_stdv": 4605.265625,
  "tsnr": 83.04576110839844
}