{
  "aor": 0.001283695198329854,
  "aqi": 0.017263741002087683,
  "bids_meta": {
    "AcquisitionNumber": 6,
    "BidsifyVersion": "0.3.5",
    "ConversionSoftware": "dcm2niix",
    "ConversionSoftwareVersion": "v1.0.20181125  GCC6.3.0",
    "EchoTime": 0.02762,
    "ImageComments": "Piop",
    "ImageOrientationPatientDICOM": [
      0.999657,
      0.0259047,
      -0.00395877,
      -0.0261769,
      0.980067,
      -0.196937
    ],
    "Manufacturer": "Philips",
    "NumberOfVolumesDiscardedByScanner": 2,
    "ParallelAcquisitionTechnique": "SENSE",
    "ParallelReductionFactorInPlane": 2,
    "PatientPosition": "HFS",
    "PhaseEncodingDirection": "j",
    "PhilipsRescaleIntercept": 0,
    "PhilipsRescaleSlope": 0.75629,
    "PhilipsScaleSlope": 0.0823944,
    "ProtocolName": "WIPpioprsSENSE",
    "PulseSequenceType": "gradient echo EPI",
    "ReconMatrixPE": 80,
    "RepetitionTime": 0.75,
    "SeriesDescription": "ImageMRSERIES",
    "SeriesNumber": 6,
    "SliceEncodingDirection": "k",
    "TaskName": "restingstate",
    "UsePhilipsFloatNotDisplayScaling": 1,
    "acq_id": "mb3",
    "dataset": "ds002785",
    "modality": "bold",
    "subject_id": "0215",
    "task_id": "restingstate"
  },
  "dummy_trs": 1,
  "dvars_nstd": 25.31928564414224,
  "dvars_std": 1.132625713974895,
  "dvars_vstd": 0.9770426356066954,
  "efc": 0.39667672349348726,
  "fber": 224067.171875,
  "fd_mean": 0.11854405238260027,
  "fd_num": 53,
  "fd_perc": 11.064718162839249,
  "fwhm_avg": 1.7552128362966553,
  "fwhm_x": 1.7444333333333333,
  "fwhm_y": 1.8573899999999999,
  "fwhm_z": 1.6638151755566333,
  "gcor": 0.022651,
  "gsr_x": -0.021012594923377037,
  "gsr_y": 0.012459606863558292,
  "provenance": {
    "md5sum": "1c932604776747669ba53c4cb45bde1a",
    "settings": {
      "fd_thres": 0.2,
      "testing": false
    },
    "software": "mriqc",
    "version": "23.0.1",
    "webapi_port": null,
    "webapi_url": "https://mriqc.nimh.nih.gov/api/v1"
  },
  "size_t": 479,
  "size_x": 80,
  "size_y": 80,
  "size_z": 36,
  "snr": 7.845073643703379,
  "spacing_tr": 0.75,
  "spacing_x": 3.0,
  "spacing_y": 3.0,
  "spacing_z": 3.299999952316284,
  "summary_bg_k": 53.828019389316935,
  "summary_bg_mad": 43.424639853741155,
  "summary_bg_mean": 421.8308410644531,
  "summary_bg_median": 41.736846923828125,
  "summary_bg_n": 162189.0,
  "summary_bg_p05": 2.775673341751099,
  "summary_bg_p95": 2289.8339355468765,
  "summary_bg_stdv": 1319.930419921875,
  "summary_fg_k": 1.5253036668599282,
  "summary_fg_mad": 2352.215020930672,
  "summary_fg_mean": 20112.4296875,
  "summary_fg_median": 20029.63671875,
  "summary_fg_n": 28796.0,
  "summary_fg_p05": 16210.524169921875,
  "summary_fg_p95": 24282.10546875,
  "summary_fg_stdv": 2553.10400390625,
  "tsnr": 49.02086639404297
}