{
  "aor": 0.0036800617283950614,
  "aqi": 0.00861497450617284,
  "bids_meta": {
    "AcquisitionNumber": 8,
    "BidsifyVersion": "0.3.5",
    "ConversionSoftware": "dcm2niix",
    "ConversionSoftwareVersion": "v1.0.20181125  GCC6.3.0",
    "EchoTime": 0.02762,
    "ImageComments": "Piop",
    "ImageOrientationPatientDICOM": [
      0.999657,
      0.0259047,
      -0.00395877,
      -0.0261769,
      0.980067,
      -0.196937
    ],
    "Manufacturer": "Philips",
    "NumberOfVolumesDiscardedByScanner": 2,
    "ParallelAcquisitionTechnique": "SENSE",
    "ParallelReductionFactorInPlane": 2,
    "PatientPosition": "HFS",
    "PhaseEncodingDirection": "j",
    "PhilipsRescaleIntercept": 0,
    "PhilipsRescaleSlope": 0.75018,
    "PhilipsScaleSlope": 0.0509147,
    "ProtocolName": "WIPpiopwmSENSE",
    "PulseSequenceType": "gradient echo EPI",
    "ReconMatrixPE": 80,
    "RepetitionTime": 2,
    "SeriesDescription": "ImageMRSERIES",
    "SeriesNumber": 8,
    "SliceEncodingDirection": "k",
    "TaskName": "workingmemory",
    "UsePhilipsFloatNotDisplayScaling": 1,
    "acq_id": "seq",
    "dataset": "ds002785",
    "modality": "bold",
    "subject_id": "0215",
    "task_id": "workingmemory"
  },
  "dummy_trs": 0,
  "dvars_nstd": 18.880160521366452,
  "dvars_std": 1.1410340568944097,
  "dvars_vstd": 0.9841778477639755,
  "efc": 0.3873378797708358,
  "fber": 223596.6875,
  "fd_mean": 0.11323209136281354,
  "fd_num": 15,
  "fd_perc": 9.25925925925926,
  "fwhm_avg": 1.7316748565443014,
  "fwhm_x": 1.7122266666666668,
  "fwhm_y": 1.8095100000000002,
  "fwhm_z": 1.6732879029662378,
  "gcor": 0.0304365,
  "gsr_x": -0.01933884620666504,
  "gsr_y": 0.01330389641225338,
  "provenance": {
    "md5sum": "e979990dac0c33675f896c93585de3d0",
    "settings": {
      "fd_thres": 0.2,
      "testing": false
    },
    "software": "mriqc",
    "version": "23.0.1",
    "webapi_port": null,
    "webapi_url": "https://mriqc.nimh.nih.gov/api/v1"
  },
  "size_t": 162,
  "size_x": 80,
  "size_y": 80,
  "size_z": 37,
  "snr": 6.133600299832557,
  "spacing_tr": 2.0,
  "spacing_x": 3.0,
  "spacing_y": 3.0,
  "spacing_z": 3.299999952316284,
  "summary_bg_k": 75.97872883232094,
  "summary_bg_mad": 56.07209745876769,
  "summary_bg_mean": 569.8728637695312,
  "summary_bg_median": 58.849754333496094,
  "summary_bg_n": 168403.0,
  "summary_bg_p05": 4.58289294242859,
  "summary_bg_p95": 3098.5109619140626,
  "summary_bg_stdv": 1873.612548828125,
  "summary_fg_k": 2.1888918624130422,
  "summary_fg_mad": 4201.03157023699,
  "summary_fg_mean": 28696.517578125,
  "summary_fg_median": 28250.8671875,
  "summary_fg_n": 28855.0,
  "summary_fg_p05": 22193.7947265625,
  "summary_fg_p95": 36372.366796875,
  "summary_fg_stdv": 4605.83935546875,
  "tsnr": 69.92638397216797
}