{
  "aor": 0.0004903636363636363,
  "aqi": 0.007648441696969698,
  "bids_meta": {
    "AcquisitionNumber": 2,
    "BidsifyVersion": "0.3.5",
    "ConversionSoftware": "dcm2niix",
    "ConversionSoftwareVersion": "v1.0.20181125  GCC6.3.0",
    "EchoTime": 0.02762,
    "EffectiveEchoSpacing": 0.0006333282667071997,
    "ImageComments": "PIOP",
    "ImageOrientationPatientDICOM": [
      0.998915,
      0.0451009,
      -0.0116055,
      -0.046234,
      0.990304,
      -0.130995
    ],
    "Manufacturer": "Philips",
    "NumberOfVolumesDiscardedByScanner": 2,
    "ParallelAcquisitionTechnique": "SENSE",
    "ParallelReductionFactorInPlane": 2,
    "PatientPosition": "HFS",
    "PhaseEncodingDirection": "j",
    "PhilipsRescaleIntercept": 0,
    "PhilipsRescaleSlope": 0.75995,
    "PhilipsScaleSlope": 0.0953498,
    "ProtocolName": "WIPpiopfacesSENSE",
    "PulseSequenceType": "gradient echo EPI",
    "ReconMatrixPE": 80,
    "RepetitionTime": 0.75,
    "SeriesDescription": "ImageMRSERIES",
    "SeriesNumber": 2,
    "SliceEncodingDirection": "k",
    "SliceTiming": [
      0.0,
      0.06755050505050506,
      0.1351010101010101,
      0.20265151515151517,
      0.2702020202020202,
      0.3377525252525253,
      0.40530303030303033,
      0.47285353535353536,
      0.5404040404040404,
      0.6079545454545455,
      0.6755050505050506,
      0.7430555555555556,
      0.0,
      0.06755050505050506,
      0.1351010101010101,
      0.20265151515151517,
      0.2702020202020202,
      0.3377525252525253,
      0.40530303030303033,
      0.47285353535353536,
      0.5404040404040404,
      0.6079545454545455,
      0.6755050505050506,
      0.7430555555555556,
      0.0,
      0.06755050505050506,
      0.1351010101010101,
      0.20265151515151517,
      0.2702020202020202,
      0.3377525252525253,
      0.40530303030303033,
      0.47285353535353536,
      0.5404040404040404,
      0.6079545454545455,
      0.6755050505050506,
      0.7430555555555556
    ],
    "TaskName": "faces",
    "TotalReadoutTime": 0.024699802401580786,
    "UsePhilipsFloatNotDisplayScaling": 1,
    "acq_id": "mb3",
    "dataset": "ds002785",
    "modality": "bold",
    "subject_id": "0159",
    "task_id": "faces"
  },
  "dummy_trs": 0,
  "dvars_nstd": 25.615565883039512,
  "dvars_std": 1.1878480662006081,
  "dvars_vstd": 1.0030623358966564,
  "efc": 0.4267044689324846,
  "fber": 155343.03125,
  "fd_mean": 0.1164636030931677,
  "fd_num": 21,
  "fd_perc": 6.363636363636363,
  "fwhm_avg": 2.043096923495999,
  "fwhm_x": 2.0084466666666665,
  "fwhm_y": 2.2242833333333336,
  "fwhm_z": 1.8965607704879968,
  "gcor": 0.00772699,
  "gsr_x": -0.019947396591305733,
  "gsr_y": 0.014049251563847065,
  "provenance": {
    "md5sum": "68aac1c7d7879c68880e0ceffa88fd6e",
    "settings": {
      "fd_thres": 0.2,
      "testing": false
    },
    "software": "mriqc",
    "version": "22.0.0rc1",
    "webapi_port": null,
    "webapi_url": "https://mriqc.nimh.nih.gov/api/v1"
  },
  "size_t": 330,
  "size_x": 80,
  "size_y": 80,
  "size_z": 36,
  "snr": 6.6464728218509395,
  "spacing_tr": 0.75,
  "spacing_x": 3.0,
  "spacing_y": 3.0,
  "spacing_z": 3.299999713897705,
  "summary_bg_k": 53.793299069979405,
  "summary_bg_mad": 49.42240079063599,
  "summary_bg_mean": 408.650146484375,
  "summary_bg_median": 46.108097076416016,
  "summary_bg_n": 156030.0,
  "summary_bg_p05": 4.352746462821961,
  "summary_bg_p95": 2037.869329833983,
  "summary_bg_stdv": 1132.6943359375,
  "summary_fg_k": 0.6054266276446696,
  "summary_fg_mad": 2625.4568723767798,
  "summary_fg_mean": 18383.4140625,
  "summary_fg_median": 18394.17578125,
  "summary_fg_n": 34276.0,
  "summary_fg_p05": 13784.938720703125,
  "summary_fg_p95": 22848.65380859375,
  "summary_fg_stdv": 2767.468994140625,
  "tsnr": 62.524253845214844
}