{
  "aor": 0.001485845511482255,
  "aqi": 0.014732834488517746,
  "bids_meta": {
    "AcquisitionNumber": 6,
    "BidsifyVersion": "0.3.5",
    "ConversionSoftware": "dcm2niix",
    "ConversionSoftwareVersion": "v1.0.20181125  GCC6.3.0",
    "EchoTime": 0.02762,
    "EffectiveEchoSpacing": 0.0006333282667071997,
    "ImageComments": "PIOP",
    "ImageOrientationPatientDICOM": [
      0.998915,
      0.0451009,
      -0.0116055,
      -0.046234,
      0.990304,
      -0.130995
    ],
    "Manufacturer": "Philips",
    "NumberOfVolumesDiscardedByScanner": 2,
    "ParallelAcquisitionTechnique": "SENSE",
    "ParallelReductionFactorInPlane": 2,
    "PatientPosition": "HFS",
    "PhaseEncodingDirection": "j",
    "PhilipsRescaleIntercept": 0,
    "PhilipsRescaleSlope": 0.9641,
    "PhilipsScaleSlope": 0.0777906,
    "ProtocolName": "WIPpioprsSENSE",
    "PulseSequenceType": "gradient echo EPI",
    "ReconMatrixPE": 80,
    "RepetitionTime": 0.75,
    "SeriesDescription": "ImageMRSERIES",
    "SeriesNumber": 6,
    "SliceEncodingDirection": "k",
    "SliceTiming": [
      0.0,
      0.06755050505050506,
      0.1351010101010101,
      0.20265151515151517,
      0.2702020202020202,
      0.3377525252525253,
      0.40530303030303033,
      0.47285353535353536,
      0.5404040404040404,
      0.6079545454545455,
      0.6755050505050506,
      0.7430555555555556,
      0.0,
      0.06755050505050506,
      0.1351010101010101,
      0.20265151515151517,
      0.2702020202020202,
      0.3377525252525253,
      0.40530303030303033,
      0.47285353535353536,
      0.5404040404040404,
      0.6079545454545455,
      0.6755050505050506,
      0.7430555555555556,
      0.0,
      0.06755050505050506,
      0.1351010101010101,
      0.20265151515151517,
      0.2702020202020202,
      0.3377525252525253,
      0.40530303030303033,
      0.47285353535353536,
      0.5404040404040404,
      0.6079545454545455,
      0.6755050505050506,
      0.7430555555555556
    ],
    "TaskName": "restingstate",
    "TotalReadoutTime": 0.024699802401580786,
    "UsePhilipsFloatNotDisplayScaling": 1,
    "acq_id": "mb3",
    "dataset": "ds002785",
    "modality": "bold",
    "subject_id": "0159",
    "task_id": "restingstate"
  },
  "dummy_trs": 1,
  "dvars_nstd": 29.74345044813809,
  "dvars_std": 1.164735378912133,
  "dvars_vstd": 0.9996200942677829,
  "efc": 0.4282188256358754,
  "fber": 145583.921875,
  "fd_mean": 0.11875283907717954,
  "fd_num": 39,
  "fd_perc": 8.1419624217119,
  "fwhm_avg": 1.79635101838017,
  "fwhm_x": 1.7076166666666666,
  "fwhm_y": 1.9625333333333332,
  "fwhm_z": 1.7189030551405107,
  "gcor": 0.0301122,
  "gsr_x": -0.020550191402435303,
  "gsr_y": 0.01356577593833208,
  "provenance": {
    "md5sum": "816c9c962d3d56070bc41bf3b72a9aee",
    "settings": {
      "fd_thres": 0.2,
      "testing": false
    },
    "software": "mriqc",
    "version": "22.0.0rc1",
    "webapi_port": null,
    "webapi_url": "https://mriqc.nimh.nih.gov/api/v1"
  },
  "size_t": 479,
  "size_x": 80,
  "size_y": 80,
  "size_z": 36,
  "snr": 6.962697417714617,
  "spacing_tr": 0.75,
  "spacing_x": 3.0,
  "spacing_y": 3.0,
  "spacing_z": 3.299999952316284,
  "summary_bg_k": 52.154402372621334,
  "summary_bg_mad": 50.95375990764188,
  "summary_bg_mean": 427.80841064453125,
  "summary_bg_median": 46.571834564208984,
  "summary_bg_n": 156074.0,
  "summary_bg_p05": 3.376580548286438,
  "summary_bg_p95": 2145.5374023437507,
  "summary_bg_stdv": 1205.0848388671875,
  "summary_fg_k": 0.8840041813918704,
  "summary_fg_mad": 2463.0482238863397,
  "summary_fg_mean": 17944.822265625,
  "summary_fg_median": 17979.53125,
  "summary_fg_n": 34282.0,
  "summary_fg_p05": 13654.89296875,
  "summary_fg_p95": 22055.403906249994,
  "summary_fg_stdv": 2582.2275390625,
  "tsnr": 46.3836555480957
}