{
  "aor": 0.020277283950617283,
  "aqi": 0.01685123802469136,
  "bids_meta": {
    "AcquisitionNumber": 8,
    "BidsifyVersion": "0.3.5",
    "ConversionSoftware": "dcm2niix",
    "ConversionSoftwareVersion": "v1.0.20181125  GCC6.3.0",
    "EchoTime": 0.02762,
    "EffectiveEchoSpacing": 0.0006621159151938905,
    "ImageComments": "PIOP",
    "ImageOrientationPatientDICOM": [
      0.998794,
      0.0459174,
      -0.0173574,
      -0.0478008,
      0.990222,
      -0.131057
    ],
    "Manufacturer": "Philips",
    "NumberOfVolumesDiscardedByScanner": 2,
    "ParallelAcquisitionTechnique": "SENSE",
    "ParallelReductionFactorInPlane": 2,
    "PatientPosition": "HFS",
    "PhaseEncodingDirection": "j",
    "PhilipsRescaleIntercept": 0,
    "PhilipsRescaleSlope": 0.84103,
    "PhilipsScaleSlope": 0.0589424,
    "ProtocolName": "WIPpiopwmSENSE",
    "PulseSequenceType": "gradient echo EPI",
    "ReconMatrixPE": 80,
    "RepetitionTime": 2,
    "SeriesDescription": "ImageMRSERIES",
    "SeriesNumber": 8,
    "SliceEncodingDirection": "k",
    "SliceTiming": [
      0.0,
      0.0541,
      0.1081,
      0.1622,
      0.2162,
      0.2703,
      0.3243,
      0.3784,
      0.4324,
      0.4865,
      0.5405,
      0.5946,
      0.6486,
      0.7027,
      0.7568,
      0.8108,
      0.8649,
      0.9189,
      0.973,
      1.027,
      1.0811,
      1.1351,
      1.1892,
      1.2432,
      1.2973,
      1.3514,
      1.4054,
      1.4595,
      1.5135,
      1.5676,
      1.6216,
      1.6757,
      1.7297,
      1.7838,
      1.8378,
      1.8919,
      1.9459
    ],
    "TaskName": "workingmemory",
    "TotalReadoutTime": 0.025822520692561732,
    "UsePhilipsFloatNotDisplayScaling": 1,
    "acq_id": "seq",
    "dataset": "ds002785",
    "modality": "bold",
    "subject_id": "0159",
    "task_id": "workingmemory"
  },
  "dummy_trs": 0,
  "dvars_nstd": 26.859536845962733,
  "dvars_std": 1.27007532515528,
  "dvars_vstd": 1.0949089667701868,
  "efc": 0.4191703516222214,
  "fber": 146210.609375,
  "fd_mean": 0.28049360404674184,
  "fd_num": 44,
  "fd_perc": 27.160493827160494,
  "fwhm_avg": 1.8108552609550388,
  "fwhm_x": 1.7322733333333333,
  "fwhm_y": 1.9501166666666665,
  "fwhm_z": 1.7501757828651165,
  "gcor": 0.0191964,
  "gsr_x": -0.01954091526567936,
  "gsr_y": 0.015182724222540855,
  "provenance": {
    "md5sum": "f721998528af704e12d55bc29302d313",
    "settings": {
      "fd_thres": 0.2,
      "testing": false
    },
    "software": "mriqc",
    "version": "22.0.0rc1",
    "webapi_port": null,
    "webapi_url": "https://mriqc.nimh.nih.gov/api/v1"
  },
  "size_t": 162,
  "size_x": 80,
  "size_y": 80,
  "size_z": 37,
  "snr": 5.826776151546438,
  "spacing_tr": 2.0,
  "spacing_x": 3.0,
  "spacing_y": 3.0,
  "spacing_z": 3.299999952316284,
  "summary_bg_k": 79.19778946879813,
  "summary_bg_mad": 65.50558560228897,
  "summary_bg_mean": 569.6089477539062,
  "summary_bg_median": 65.116455078125,
  "summary_bg_n": 161803.0,
  "summary_bg_p05": 8.199240589141846,
  "summary_bg_p95": 2829.5101562499976,
  "summary_bg_stdv": 1679.7557373046875,
  "summary_fg_k": 1.355070319893942,
  "summary_fg_mad": 4279.4994509343815,
  "summary_fg_mean": 25707.427734375,
  "summary_fg_median": 25508.138671875,
  "summary_fg_n": 34421.0,
  "summary_fg_p05": 19070.046875,
  "summary_fg_p95": 32702.490234375,
  "summary_fg_stdv": 4377.68115234375,
  "tsnr": 44.227630615234375
}