{
  "bids_meta": {
    "AcquisitionNumber": 4,
    "BidsifyVersion": "0.3.5",
    "ConversionSoftware": "dcm2niix",
    "ConversionSoftwareVersion": "v1.0.20181125  GCC6.3.0",
    "EchoTime": 0.00373,
    "ImageComments": "Piop",
    "ImageOrientationPatientDICOM": [
      0.998826,
      -0.0271354,
      0.0401361,
      0.0278997,
      0.999438,
      -0.0186075
    ],
    "Manufacturer": "Philips",
    "PatientPosition": "HFS",
    "PhilipsRescaleIntercept": 0,
    "PhilipsRescaleSlope": 9.37289,
    "PhilipsScaleSlope": 0.00752276,
    "ProtocolName": "WIPt13dSENSE",
    "ReconMatrixPE": 240,
    "RepetitionTime": 0.008157,
    "SeriesDescription": "ImageMRSERIES",
    "SeriesNumber": 4,
    "UsePhilipsFloatNotDisplayScaling": 1,
    "dataset": "ds002785",
    "modality": "T1w",
    "subject_id": "0114"
  },
  "cjv": 0.31903843881080746,
  "cnr": 3.754577738684632,
  "efc": 0.7411258060016291,
  "fber": 634.088134765625,
  "fwhm_avg": 3.53321,
  "fwhm_x": 3.53362,
  "fwhm_y": 3.6636,
  "fwhm_z": 3.40241,
  "icvs_csf": 0.2098018020280025,
  "icvs_gm": 0.42759016163774966,
  "icvs_wm": 0.3626080363342478,
  "inu_med": 1.854745864868164,
  "inu_range": 0.45809437036514233,
  "provenance": {
    "md5sum": "7fc5b875238a0b4e2bb2976031db6472",
    "settings": {
      "testing": false
    },
    "software": "mriqc",
    "version": "22.0.0rc1",
    "warnings": {
      "large_rot_frame": true,
      "small_air_mask": true
    },
    "webapi_port": null,
    "webapi_url": "https://mriqc.nimh.nih.gov/api/v1"
  },
  "qi_1": 0.0,
  "qi_2": 6.353152440426114e-05,
  "rpve_csf": 29.24624466015803,
  "rpve_gm": 15.348954874694208,
  "rpve_wm": 23.00761393064607,
  "size_x": 240,
  "size_y": 240,
  "size_z": 220,
  "snr_csf": 2.429455907189217,
  "snr_gm": 7.347757705015688,
  "snr_total": 9.727900169420836,
  "snr_wm": 19.406486896057608,
  "snrd_csf": 20.085669705372652,
  "snrd_gm": 42.71918635852327,
  "snrd_total": 44.23630622892299,
  "snrd_wm": 69.90406262287307,
  "spacing_x": 1.0,
  "spacing_y": 1.0,
  "spacing_z": 1.0,
  "summary_bg_k": 27.79507139264978,
  "summary_bg_mad": 9.371775499201743,
  "summary_bg_mean": 21.378814697265625,
  "summary_bg_median": 12.45697021484375,
  "summary_bg_n": 233430.0,
  "summary_bg_p05": 0.0,
  "summary_bg_p95": 68.65301704406734,
  "summary_bg_stdv": 34.00239181518555,
  "summary_csf_k": 0.0572195578044048,
  "summary_csf_mad": 125.43661762988863,
  "summary_csf_mean": 275.4918518066406,
  "summary_csf_median": 287.3270263671875,
  "summary_csf_n": 5162.0,
  "summary_csf_p05": 86.29736671447753,
  "summary_csf_p95": 458.3297149658202,
  "summary_csf_stdv": 118.25659942626953,
  "summary_gm_k": 0.39919927174258607,
  "summary_gm_mad": 77.25729399822423,
  "summary_gm_mean": 612.6946411132812,
  "summary_gm_median": 611.1011962890625,
  "summary_gm_n": 15729.0,
  "summary_gm_p05": 476.87982788085935,
  "summary_gm_p95": 754.3749633789062,
  "summary_gm_stdv": 83.1657485961914,
  "summary_wm_k": 0.9587631205995635,
  "summary_wm_mad": 46.810920876034416,
  "summary_wm_mean": 996.945556640625,
  "summary_wm_median": 999.98291015625,
  "summary_wm_n": 184048.0,
  "summary_wm_p05": 907.0950347900391,
  "summary_wm_p95": 1075.4581298828125,
  "summary_wm_stdv": 51.528141021728516,
  "tpm_overlap_csf": 0.15832358598709106,
  "tpm_overlap_gm": 0.4315633475780487,
  "tpm_overlap_wm": 0.5035581588745117,
  "wm2max": 0.6949483987781142
}