{
  "aor": 0.0002789561586638831,
  "aqi": 0.024858194739039666,
  "bids_meta": {
    "AcquisitionNumber": 6,
    "BidsifyVersion": "0.3.5",
    "ConversionSoftware": "dcm2niix",
    "ConversionSoftwareVersion": "v1.0.20181125  GCC6.3.0",
    "EchoTime": 0.02763,
    "EffectiveEchoSpacing": 0.0006333282667071997,
    "ImageComments": "piop",
    "ImageOrientationPatientDICOM": [
      0.998812,
      0.0436615,
      -0.0216376,
      -0.0444824,
      0.998247,
      -0.0390334
    ],
    "Manufacturer": "Philips",
    "NumberOfVolumesDiscardedByScanner": 2,
    "ParallelAcquisitionTechnique": "SENSE",
    "ParallelReductionFactorInPlane": 2,
    "PatientPosition": "HFS",
    "PhaseEncodingDirection": "j",
    "PhilipsRescaleIntercept": 0,
    "PhilipsRescaleSlope": 0.74725,
    "PhilipsScaleSlope": 0.0899594,
    "ProtocolName": "WIPpioprsSENSE",
    "PulseSequenceType": "gradient echo EPI",
    "ReconMatrixPE": 80,
    "RepetitionTime": 0.75,
    "SeriesDescription": "ImageMRSERIES",
    "SeriesNumber": 6,
    "SliceEncodingDirection": "k",
    "SliceTiming": [
      0.0,
      0.06755050505050506,
      0.1351010101010101,
      0.20265151515151517,
      0.2702020202020202,
      0.3377525252525253,
      0.40530303030303033,
      0.47285353535353536,
      0.5404040404040404,
      0.6079545454545455,
      0.6755050505050506,
      0.7430555555555556,
      0.0,
      0.06755050505050506,
      0.1351010101010101,
      0.20265151515151517,
      0.2702020202020202,
      0.3377525252525253,
      0.40530303030303033,
      0.47285353535353536,
      0.5404040404040404,
      0.6079545454545455,
      0.6755050505050506,
      0.7430555555555556,
      0.0,
      0.06755050505050506,
      0.1351010101010101,
      0.20265151515151517,
      0.2702020202020202,
      0.3377525252525253,
      0.40530303030303033,
      0.47285353535353536,
      0.5404040404040404,
      0.6079545454545455,
      0.6755050505050506,
      0.7430555555555556
    ],
    "TaskName": "restingstate",
    "TotalReadoutTime": 0.024699802401580786,
    "UsePhilipsFloatNotDisplayScaling": 1,
    "acq_id": "mb3",
    "dataset": "ds002785",
    "modality": "bold",
    "subject_id": "0131",
    "task_id": "restingstate"
  },
  "dummy_trs": 1,
  "dvars_nstd": 26.655401437343105,
  "dvars_std": 0.987322320292887,
  "dvars_vstd": 0.9248728619037662,
  "efc": 0.4538651811883167,
  "fber": 126956.0703125,
  "fd_mean": 0.09922945203123745,
  "fd_num": 19,
  "fd_perc": 3.9665970772442587,
  "fwhm_avg": 1.8881695031553416,
  "fwhm_x": 1.8470466666666667,
  "fwhm_y": 2.1137799999999998,
  "fwhm_z": 1.7036818427993579,
  "gcor": 0.0120278,
  "gsr_x": -0.015598551370203495,
  "gsr_y": 0.023036982864141464,
  "provenance": {
    "md5sum": "ec34e982ab40dfe42bb8a8406d2b5722",
    "settings": {
      "fd_thres": 0.2,
      "testing": false
    },
    "software": "mriqc",
    "version": "22.0.0rc1",
    "webapi_port": null,
    "webapi_url": "https://mriqc.nimh.nih.gov/api/v1"
  },
  "size_t": 479,
  "size_x": 80,
  "size_y": 80,
  "size_z": 36,
  "snr": 6.0467699477437975,
  "spacing_tr": 0.75,
  "spacing_x": 3.0,
  "spacing_y": 3.0,
  "spacing_z": 3.299999952316284,
  "summary_bg_k": 40.193925910054844,
  "summary_bg_mad": 56.3833831826654,
  "summary_bg_mean": 499.1853942871094,
  "summary_bg_median": 47.035919189453125,
  "summary_bg_n": 151426.0,
  "summary_bg_p05": 2.679128348827362,
  "summary_bg_p95": 2717.2243041992188,
  "summary_bg_stdv": 1281.1097412109375,
  "summary_fg_k": 1.2522513412677636,
  "summary_fg_mad": 2562.3043884248486,
  "summary_fg_mean": 17152.890625,
  "summary_fg_median": 17012.37109375,
  "summary_fg_n": 38013.0,
  "summary_fg_p05": 12890.8171875,
  "summary_fg_p95": 21927.962109375,
  "summary_fg_stdv": 2813.42724609375,
  "tsnr": 37.77812957763672
}