{
  "aor": 0.0012752121212121212,
  "aqi": 0.00841630721212121,
  "bids_meta": {
    "AcquisitionNumber": 2,
    "BidsifyVersion": "0.3.5",
    "ConversionSoftware": "dcm2niix",
    "ConversionSoftwareVersion": "v1.0.20181125  GCC6.3.0",
    "EchoTime": 0.02762,
    "EffectiveEchoSpacing": 0.0006333282667071997,
    "ImageComments": "Piop",
    "ImageOrientationPatientDICOM": [
      0.999699,
      0.0138953,
      0.0201942,
      -0.00540895,
      0.928554,
      -0.371158
    ],
    "Manufacturer": "Philips",
    "NumberOfVolumesDiscardedByScanner": 2,
    "ParallelAcquisitionTechnique": "SENSE",
    "ParallelReductionFactorInPlane": 2,
    "PatientPosition": "HFS",
    "PhaseEncodingDirection": "j",
    "PhilipsRescaleIntercept": 0,
    "PhilipsRescaleSlope": 0.75702,
    "PhilipsScaleSlope": 0.0890505,
    "ProtocolName": "WIPpiopfacesSENSE",
    "PulseSequenceType": "gradient echo EPI",
    "ReconMatrixPE": 80,
    "RepetitionTime": 0.75,
    "SeriesDescription": "ImageMRSERIES",
    "SeriesNumber": 2,
    "SliceEncodingDirection": "k",
    "SliceTiming": [
      0.0,
      0.06755050505050506,
      0.1351010101010101,
      0.20265151515151517,
      0.2702020202020202,
      0.3377525252525253,
      0.40530303030303033,
      0.47285353535353536,
      0.5404040404040404,
      0.6079545454545455,
      0.6755050505050506,
      0.7430555555555556,
      0.0,
      0.06755050505050506,
      0.1351010101010101,
      0.20265151515151517,
      0.2702020202020202,
      0.3377525252525253,
      0.40530303030303033,
      0.47285353535353536,
      0.5404040404040404,
      0.6079545454545455,
      0.6755050505050506,
      0.7430555555555556,
      0.0,
      0.06755050505050506,
      0.1351010101010101,
      0.20265151515151517,
      0.2702020202020202,
      0.3377525252525253,
      0.40530303030303033,
      0.47285353535353536,
      0.5404040404040404,
      0.6079545454545455,
      0.6755050505050506,
      0.7430555555555556
    ],
    "TaskName": "faces",
    "TotalReadoutTime": 0.024699802401580786,
    "UsePhilipsFloatNotDisplayScaling": 1,
    "acq_id": "mb3",
    "dataset": "ds002785",
    "modality": "bold",
    "subject_id": "0074",
    "task_id": "faces"
  },
  "dummy_trs": 0,
  "dvars_nstd": 26.089687202644388,
  "dvars_std": 1.0830040382674775,
  "dvars_vstd": 1.0166207108814587,
  "efc": 0.4970102800256892,
  "fber": 118783.0859375,
  "fd_mean": 0.13488368402813009,
  "fd_num": 42,
  "fd_perc": 12.727272727272727,
  "fwhm_avg": 2.102619449736615,
  "fwhm_x": 2.1556933333333332,
  "fwhm_y": 2.2214133333333335,
  "fwhm_z": 1.930751682543178,
  "gcor": 0.0257764,
  "gsr_x": -0.013234876096248627,
  "gsr_y": 0.03213603049516678,
  "provenance": {
    "md5sum": "3c97932f38d9e09fd4324b71abf09d44",
    "settings": {
      "fd_thres": 0.2,
      "testing": false
    },
    "software": "mriqc",
    "version": "22.0.0rc1",
    "webapi_port": null,
    "webapi_url": "https://mriqc.nimh.nih.gov/api/v1"
  },
  "size_t": 330,
  "size_x": 80,
  "size_y": 80,
  "size_z": 36,
  "snr": 5.858455683068607,
  "spacing_tr": 0.75,
  "spacing_x": 3.0,
  "spacing_y": 3.0,
  "spacing_z": 3.299999713897705,
  "summary_bg_k": 17.376117707303205,
  "summary_bg_mad": 53.38262997763197,
  "summary_bg_mean": 648.001953125,
  "summary_bg_median": 51.37400817871094,
  "summary_bg_n": 142829.0,
  "summary_bg_p05": 6.327098751068116,
  "summary_bg_p95": 3684.16171875,
  "summary_bg_stdv": 1522.6065673828125,
  "summary_fg_k": 0.4766141471215857,
  "summary_fg_mad": 3032.4717212609794,
  "summary_fg_mean": 18507.177734375,
  "summary_fg_median": 18294.578125,
  "summary_fg_n": 44451.0,
  "summary_fg_p05": 13762.115234375,
  "summary_fg_p95": 23885.4970703125,
  "summary_fg_stdv": 3122.7294921875,
  "tsnr": 48.840484619140625
}