{
  "aor": 0.001074222222222222,
  "aqi": 0.0037266092592592595,
  "bids_meta": {
    "AcquisitionNumber": 6,
    "BidsifyVersion": "0.3.5",
    "ConversionSoftware": "dcm2niix",
    "ConversionSoftwareVersion": "v1.0.20181125  GCC6.3.0",
    "EchoTime": 0.02762,
    "EffectiveEchoSpacing": 0.0006621159151938905,
    "ImageComments": "piop",
    "ImageOrientationPatientDICOM": [
      0.999864,
      -0.00148728,
      -0.0164501,
      0.00453727,
      0.982356,
      0.186966
    ],
    "Manufacturer": "Philips",
    "NumberOfVolumesDiscardedByScanner": 2,
    "ParallelAcquisitionTechnique": "SENSE",
    "ParallelReductionFactorInPlane": 2,
    "PatientPosition": "HFS",
    "PhaseEncodingDirection": "j",
    "PhilipsRescaleIntercept": 0,
    "PhilipsRescaleSlope": 0.77827,
    "PhilipsScaleSlope": 0.055325,
    "ProtocolName": "WIPpiopharririSENSE",
    "PulseSequenceType": "gradient echo EPI",
    "ReconMatrixPE": 80,
    "RepetitionTime": 2,
    "SeriesDescription": "ImageMRSERIES",
    "SeriesNumber": 6,
    "SliceEncodingDirection": "k",
    "SliceTiming": [
      0.0,
      0.0541,
      0.1081,
      0.1622,
      0.2162,
      0.2703,
      0.3243,
      0.3784,
      0.4324,
      0.4865,
      0.5405,
      0.5946,
      0.6486,
      0.7027,
      0.7568,
      0.8108,
      0.8649,
      0.9189,
      0.973,
      1.027,
      1.0811,
      1.1351,
      1.1892,
      1.2432,
      1.2973,
      1.3514,
      1.4054,
      1.4595,
      1.5135,
      1.5676,
      1.6216,
      1.6757,
      1.7297,
      1.7838,
      1.8378,
      1.8919,
      1.9459
    ],
    "TaskName": "emomatching",
    "TotalReadoutTime": 0.025822520692561732,
    "UsePhilipsFloatNotDisplayScaling": 1,
    "acq_id": "seq",
    "dataset": "ds002785",
    "modality": "bold",
    "subject_id": "0076",
    "task_id": "emomatching"
  },
  "dummy_trs": 0,
  "dvars_nstd": 20.588606805970155,
  "dvars_std": 1.2362049052985074,
  "dvars_vstd": 1.004628269253731,
  "efc": 0.4594134609355792,
  "fber": 164450.21875,
  "fd_mean": 0.1263307840423756,
  "fd_num": 11,
  "fd_perc": 8.148148148148149,
  "fwhm_avg": 1.9956081910043835,
  "fwhm_x": 1.9267,
  "fwhm_y": 2.152903333333333,
  "fwhm_z": 1.9072212396798167,
  "gcor": 0.0176392,
  "gsr_x": -0.016191229224205017,
  "gsr_y": 0.024791624397039413,
  "provenance": {
    "md5sum": "ee97d23536fab85b15a59c0b21418646",
    "settings": {
      "fd_thres": 0.2,
      "testing": false
    },
    "software": "mriqc",
    "version": "22.0.0rc1",
    "webapi_port": null,
    "webapi_url": "https://mriqc.nimh.nih.gov/api/v1"
  },
  "size_t": 135,
  "size_x": 80,
  "size_y": 80,
  "size_z": 37,
  "snr": 5.2713749067836035,
  "spacing_tr": 2.0,
  "spacing_x": 3.0,
  "spacing_y": 3.0,
  "spacing_z": 3.299999952316284,
  "summary_bg_k": 58.47727422922087,
  "summary_bg_mad": 64.6866546481753,
  "summary_bg_mean": 649.0442504882812,
  "summary_bg_median": 60.05615234375,
  "summary_bg_n": 152306.0,
  "summary_bg_p05": 6.325324296951294,
  "summary_bg_p95": 3159.1544799804688,
  "summary_bg_stdv": 1855.014404296875,
  "summary_fg_k": 1.3044498003807963,
  "summary_fg_mad": 4468.134521872097,
  "summary_fg_mean": 25907.01171875,
  "summary_fg_median": 25493.4765625,
  "summary_fg_n": 42225.0,
  "summary_fg_p05": 18742.079296875,
  "summary_fg_p95": 34129.15468749999,
  "summary_fg_stdv": 4836.15283203125,
  "tsnr": 85.82064819335938
}