{
  "aor": 0.007278962962962964,
  "aqi": 0.014893231777777774,
  "bids_meta": {
    "AcquisitionNumber": 5,
    "BidsifyVersion": "0.3.5",
    "ConversionSoftware": "dcm2niix",
    "ConversionSoftwareVersion": "v1.0.20181125  GCC6.3.0",
    "EchoTime": 0.02762,
    "EffectiveEchoSpacing": 0.0006621159151938905,
    "ImageComments": "Piop",
    "ImageOrientationPatientDICOM": [
      0.999884,
      0.000374214,
      -0.0151962,
      -0.00331575,
      0.980993,
      -0.194014
    ],
    "Manufacturer": "Philips",
    "NumberOfVolumesDiscardedByScanner": 2,
    "ParallelAcquisitionTechnique": "SENSE",
    "ParallelReductionFactorInPlane": 2,
    "PatientPosition": "HFS",
    "PhaseEncodingDirection": "j",
    "PhilipsRescaleIntercept": 0,
    "PhilipsRescaleSlope": 0.76313,
    "PhilipsScaleSlope": 0.0670936,
    "ProtocolName": "WIPpiopharririSENSE",
    "PulseSequenceType": "gradient echo EPI",
    "ReconMatrixPE": 80,
    "RepetitionTime": 2,
    "SeriesDescription": "ImageMRSERIES",
    "SeriesNumber": 5,
    "SliceEncodingDirection": "k",
    "SliceTiming": [
      0.0,
      0.0541,
      0.1081,
      0.1622,
      0.2162,
      0.2703,
      0.3243,
      0.3784,
      0.4324,
      0.4865,
      0.5405,
      0.5946,
      0.6486,
      0.7027,
      0.7568,
      0.8108,
      0.8649,
      0.9189,
      0.973,
      1.027,
      1.0811,
      1.1351,
      1.1892,
      1.2432,
      1.2973,
      1.3514,
      1.4054,
      1.4595,
      1.5135,
      1.5676,
      1.6216,
      1.6757,
      1.7297,
      1.7838,
      1.8378,
      1.8919,
      1.9459
    ],
    "TaskName": "emomatching",
    "TotalReadoutTime": 0.025822520692561732,
    "UsePhilipsFloatNotDisplayScaling": 1,
    "acq_id": "seq",
    "dataset": "ds002785",
    "modality": "bold",
    "subject_id": "0006",
    "task_id": "emomatching"
  },
  "dummy_trs": 0,
  "dvars_nstd": 20.213535750000002,
  "dvars_std": 1.0134362025373136,
  "dvars_vstd": 0.9662814457462691,
  "efc": 0.4420675321860079,
  "fber": 109521.96875,
  "fd_mean": 0.1916505506655291,
  "fd_num": 29,
  "fd_perc": 21.48148148148148,
  "fwhm_avg": 1.8781212204461004,
  "fwhm_x": 1.8730900000000001,
  "fwhm_y": 2.0328766666666667,
  "fwhm_z": 1.7283969946716338,
  "gcor": 0.00847626,
  "gsr_x": -0.006660223938524723,
  "gsr_y": 0.02079746313393116,
  "provenance": {
    "md5sum": "c887480deaf8141435a3b3a1dcc4a67e",
    "settings": {
      "fd_thres": 0.2,
      "testing": false
    },
    "software": "mriqc",
    "version": "22.0.0rc1",
    "webapi_port": null,
    "webapi_url": "https://mriqc.nimh.nih.gov/api/v1"
  },
  "size_t": 135,
  "size_x": 80,
  "size_y": 80,
  "size_z": 37,
  "snr": 5.52351716593225,
  "spacing_tr": 2.0,
  "spacing_x": 3.0,
  "spacing_y": 3.0,
  "spacing_z": 3.299999952316284,
  "summary_bg_k": 49.05916026068665,
  "summary_bg_mad": 67.3132437082341,
  "summary_bg_mean": 571.0836181640625,
  "summary_bg_median": 63.51587677001953,
  "summary_bg_n": 157282.0,
  "summary_bg_p05": 7.454001808166504,
  "summary_bg_p95": 2959.7172973632782,
  "summary_bg_stdv": 1507.920654296875,
  "summary_fg_k": 2.3510905910081634,
  "summary_fg_mad": 3434.592824541128,
  "summary_fg_mean": 22072.177734375,
  "summary_fg_median": 21544.33203125,
  "summary_fg_n": 37639.0,
  "summary_fg_p05": 16852.195703125,
  "summary_fg_p95": 28930.046875,
  "summary_fg_stdv": 3900.421630859375,
  "tsnr": 53.654151916503906
}