{
  "aor": 0.0009274814814814814,
  "aqi": 0.0030974649629629627,
  "bids_meta": {
    "AcquisitionNumber": 5,
    "BidsifyVersion": "0.3.5",
    "ConversionSoftware": "dcm2niix",
    "ConversionSoftwareVersion": "v1.0.20181125  GCC6.3.0",
    "EchoTime": 0.02762,
    "ImageComments": "piop",
    "ImageOrientationPatientDICOM": [
      0.990461,
      0.119412,
      -0.0687634,
      -0.129869,
      0.975756,
      -0.176164
    ],
    "Manufacturer": "Philips",
    "NumberOfVolumesDiscardedByScanner": 2,
    "ParallelAcquisitionTechnique": "SENSE",
    "ParallelReductionFactorInPlane": 2,
    "PatientPosition": "HFS",
    "PhaseEncodingDirection": "j",
    "PhilipsRescaleIntercept": 0,
    "PhilipsRescaleSlope": 0.82173,
    "PhilipsScaleSlope": 0.0521488,
    "ProtocolName": "WIPpiopharririSENSE",
    "PulseSequenceType": "gradient echo EPI",
    "ReconMatrixPE": 80,
    "RepetitionTime": 2,
    "SeriesDescription": "ImageMRSERIES",
    "SeriesNumber": 5,
    "SliceEncodingDirection": "k",
    "TaskName": "emomatching",
    "UsePhilipsFloatNotDisplayScaling": 1,
    "acq_id": "seq",
    "dataset": "ds002785",
    "modality": "bold",
    "subject_id": "0208",
    "task_id": "emomatching"
  },
  "dummy_trs": 0,
  "dvars_nstd": 20.712022710223877,
  "dvars_std": 1.2621102043283587,
  "dvars_vstd": 1.006898331865672,
  "efc": 0.4423964898508819,
  "fber": 122891.34375,
  "fd_mean": 0.08892633761213989,
  "fd_num": 1,
  "fd_perc": 0.7407407407407407,
  "fwhm_avg": 1.81705178492372,
  "fwhm_x": 1.7656233333333333,
  "fwhm_y": 1.9592866666666666,
  "fwhm_z": 1.72624535477116,
  "gcor": 0.0595597,
  "gsr_x": -0.00462709553539753,
  "gsr_y": 0.01062790583819151,
  "provenance": {
    "md5sum": "f7fbd433130be3e04af5b414d5e4efc6",
    "settings": {
      "fd_thres": 0.2,
      "testing": false
    },
    "software": "mriqc",
    "version": "23.0.1",
    "webapi_port": null,
    "webapi_url": "https://mriqc.nimh.nih.gov/api/v1"
  },
  "size_t": 135,
  "size_x": 80,
  "size_y": 80,
  "size_z": 37,
  "snr": 5.368962455297695,
  "spacing_tr": 2.0,
  "spacing_x": 3.0,
  "spacing_y": 3.0,
  "spacing_z": 3.3000001907348633,
  "summary_bg_k": 42.32424765290097,
  "summary_bg_mad": 85.1919396420569,
  "summary_bg_mean": 861.3333740234375,
  "summary_bg_median": 75.28875732421875,
  "summary_bg_n": 158395.0,
  "summary_bg_p05": 3.7542841911315943,
  "summary_bg_p95": 4752.6862304687465,
  "summary_bg_stdv": 2497.994140625,
  "summary_fg_k": 1.356520720705805,
  "summary_fg_mad": 4677.219078878342,
  "summary_fg_mean": 27410.8671875,
  "summary_fg_median": 26886.203125,
  "summary_fg_n": 36469.0,
  "summary_fg_p05": 20041.437109375,
  "summary_fg_p95": 35699.889843749996,
  "summary_fg_stdv": 5007.640625,
  "tsnr": 86.65467834472656
}