{
  "aor": 0.00036207547169811314,
  "aqi": 0.008663771383647798,
  "bids_meta": {
    "AcquisitionNumber": 6,
    "BidsifyVersion": "0.3.5",
    "ConversionSoftware": "dcm2niix",
    "ConversionSoftwareVersion": "v1.0.20181125  GCC6.3.0",
    "EchoTime": 0.02762,
    "ImageComments": "piop",
    "ImageOrientationPatientDICOM": [
      0.990461,
      0.119412,
      -0.0687634,
      -0.129869,
      0.975756,
      -0.176164
    ],
    "Manufacturer": "Philips",
    "NumberOfVolumesDiscardedByScanner": 2,
    "ParallelAcquisitionTechnique": "SENSE",
    "ParallelReductionFactorInPlane": 2,
    "PatientPosition": "HFS",
    "PhaseEncodingDirection": "j",
    "PhilipsRescaleIntercept": 0,
    "PhilipsRescaleSlope": 0.81636,
    "PhilipsScaleSlope": 0.0857882,
    "ProtocolName": "WIPpioprsSENSE",
    "PulseSequenceType": "gradient echo EPI",
    "ReconMatrixPE": 80,
    "RepetitionTime": 0.75,
    "SeriesDescription": "ImageMRSERIES",
    "SeriesNumber": 6,
    "SliceEncodingDirection": "k",
    "TaskName": "restingstate",
    "UsePhilipsFloatNotDisplayScaling": 1,
    "acq_id": "mb3",
    "dataset": "ds002785",
    "modality": "bold",
    "subject_id": "0208",
    "task_id": "restingstate"
  },
  "dummy_trs": 3,
  "dvars_nstd": 29.132956705273095,
  "dvars_std": 1.150554144222689,
  "dvars_vstd": 0.9977377832563029,
  "efc": 0.45026389323165805,
  "fber": 131125.625,
  "fd_mean": 0.100607968772688,
  "fd_num": 12,
  "fd_perc": 2.5157232704402515,
  "fwhm_avg": 1.850142997222239,
  "fwhm_x": 1.8342766666666668,
  "fwhm_y": 1.99911,
  "fwhm_z": 1.7170423250000506,
  "gcor": 0.0132756,
  "gsr_x": -0.0064724283292889595,
  "gsr_y": 0.010318193584680557,
  "provenance": {
    "md5sum": "869115de57859db9429aa8cfd409d056",
    "settings": {
      "fd_thres": 0.2,
      "testing": false
    },
    "software": "mriqc",
    "version": "23.0.1",
    "webapi_port": null,
    "webapi_url": "https://mriqc.nimh.nih.gov/api/v1"
  },
  "size_t": 477,
  "size_x": 80,
  "size_y": 80,
  "size_z": 36,
  "snr": 6.740199870149301,
  "spacing_tr": 0.75,
  "spacing_x": 3.0,
  "spacing_y": 3.0,
  "spacing_z": 3.3000001907348633,
  "summary_bg_k": 33.092362760623146,
  "summary_bg_mad": 60.98278040639342,
  "summary_bg_mean": 614.0787963867188,
  "summary_bg_median": 49.87736511230469,
  "summary_bg_n": 153560.0,
  "summary_bg_p05": 1.9162876665592197,
  "summary_bg_p95": 3296.4779296874995,
  "summary_bg_stdv": 1690.31298828125,
  "summary_fg_k": 1.343789712714858,
  "summary_fg_mad": 2547.812820451194,
  "summary_fg_mean": 18388.3828125,
  "summary_fg_median": 18326.501953125,
  "summary_fg_n": 35622.0,
  "summary_fg_p05": 14069.203564453124,
  "summary_fg_p95": 22732.17666015625,
  "summary_fg_stdv": 2718.94677734375,
  "tsnr": 52.64311218261719
}