{
  "aor": 0.000444969696969697,
  "aqi": 0.005778260606060606,
  "bids_meta": {
    "AcquisitionNumber": 2,
    "BidsifyVersion": "0.3.5",
    "ConversionSoftware": "dcm2niix",
    "ConversionSoftwareVersion": "v1.0.20181125  GCC6.3.0",
    "EchoTime": 0.02762,
    "ImageComments": "piop",
    "ImageOrientationPatientDICOM": [
      0.990461,
      0.119412,
      -0.0687634,
      -0.129869,
      0.975756,
      -0.176164
    ],
    "Manufacturer": "Philips",
    "NumberOfVolumesDiscardedByScanner": 2,
    "ParallelAcquisitionTechnique": "SENSE",
    "ParallelReductionFactorInPlane": 2,
    "PatientPosition": "HFS",
    "PhaseEncodingDirection": "j",
    "PhilipsRescaleIntercept": 0,
    "PhilipsRescaleSlope": 0.82515,
    "PhilipsScaleSlope": 0.0881545,
    "ProtocolName": "WIPpiopfacesSENSE",
    "PulseSequenceType": "gradient echo EPI",
    "ReconMatrixPE": 80,
    "RepetitionTime": 0.75,
    "SeriesDescription": "ImageMRSERIES",
    "SeriesNumber": 2,
    "SliceEncodingDirection": "k",
    "TaskName": "faces",
    "UsePhilipsFloatNotDisplayScaling": 1,
    "acq_id": "mb3",
    "dataset": "ds002785",
    "modality": "bold",
    "subject_id": "0208",
    "task_id": "faces"
  },
  "dummy_trs": 0,
  "dvars_nstd": 24.615439156778116,
  "dvars_std": 1.1635851948328273,
  "dvars_vstd": 1.0061401587841947,
  "efc": 0.45212846783598803,
  "fber": 138871.84375,
  "fd_mean": 0.09942801972996917,
  "fd_num": 5,
  "fd_perc": 1.5151515151515151,
  "fwhm_avg": 2.0568336901881783,
  "fwhm_x": 2.07131,
  "fwhm_y": 2.2367,
  "fwhm_z": 1.862491070564536,
  "gcor": 0.030845,
  "gsr_x": -0.0072859181091189384,
  "gsr_y": 0.009412330575287342,
  "provenance": {
    "md5sum": "4defe5691ecdbbe472547cf85844f2f9",
    "settings": {
      "fd_thres": 0.2,
      "testing": false
    },
    "software": "mriqc",
    "version": "23.0.1",
    "webapi_port": null,
    "webapi_url": "https://mriqc.nimh.nih.gov/api/v1"
  },
  "size_t": 330,
  "size_x": 80,
  "size_y": 80,
  "size_z": 36,
  "snr": 6.770460288601975,
  "spacing_tr": 0.75,
  "spacing_x": 3.0,
  "spacing_y": 3.0,
  "spacing_z": 3.299999713897705,
  "summary_bg_k": 31.976095093741186,
  "summary_bg_mad": 60.444014804521686,
  "summary_bg_mean": 626.3853759765625,
  "summary_bg_median": 50.88670349121094,
  "summary_bg_n": 153313.0,
  "summary_bg_p05": 2.7107727527618413,
  "summary_bg_p95": 3348.02568359374,
  "summary_bg_stdv": 1689.017578125,
  "summary_fg_k": 0.6476440225009319,
  "summary_fg_mad": 2716.9974243933975,
  "summary_fg_mean": 19194.04296875,
  "summary_fg_median": 19180.0234375,
  "summary_fg_n": 35986.0,
  "summary_fg_p05": 14528.37353515625,
  "summary_fg_p95": 23729.89404296875,
  "summary_fg_stdv": 2832.858642578125,
  "tsnr": 63.88734436035156
}