{
  "bids_meta": {
    "AcquisitionNumber": 4,
    "BidsifyVersion": "0.3.5",
    "ConversionSoftware": "dcm2niix",
    "ConversionSoftwareVersion": "v1.0.20181125  GCC6.3.0",
    "EchoTime": 0.00378,
    "ImageComments": "PIOP",
    "ImageOrientationPatientDICOM": [
      0.998906,
      0.045184,
      -0.0120117,
      -0.0460589,
      0.995155,
      -0.0868685
    ],
    "Manufacturer": "Philips",
    "PatientPosition": "HFS",
    "PhilipsRescaleIntercept": 0,
    "PhilipsRescaleSlope": 9.07253,
    "PhilipsScaleSlope": 0.00723463,
    "ProtocolName": "WIPt13dSENSE",
    "ReconMatrixPE": 240,
    "RepetitionTime": 0.008215,
    "SeriesDescription": "ImageMRSERIES",
    "SeriesNumber": 4,
    "UsePhilipsFloatNotDisplayScaling": 1,
    "dataset": "ds002785",
    "modality": "T1w",
    "subject_id": "0159"
  },
  "cjv": 0.3119426498657923,
  "cnr": 4.0689905872741825,
  "efc": 0.7590831125826437,
  "fber": 1588.49951171875,
  "fwhm_avg": 3.497040073124771,
  "fwhm_x": 3.43635,
  "fwhm_y": 3.680490219374312,
  "fwhm_z": 3.37428,
  "icvs_csf": 0.2063313587222393,
  "icvs_gm": 0.4419293608203284,
  "icvs_wm": 0.3517392804574323,
  "inu_med": 2.0055274963378906,
  "inu_range": 0.5047845363616943,
  "provenance": {
    "md5sum": "7f163f5d2e8b26d6f0dbb5bc06bcc963",
    "settings": {
      "testing": false
    },
    "software": "mriqc",
    "version": "22.0.0rc1",
    "warnings": {
      "large_rot_frame": true,
      "small_air_mask": true
    },
    "webapi_port": null,
    "webapi_url": "https://mriqc.nimh.nih.gov/api/v1"
  },
  "qi_1": 0.0,
  "qi_2": 4.602600913418262e-05,
  "rpve_csf": 28.545874154148787,
  "rpve_gm": 14.499686703705251,
  "rpve_wm": 22.577136355899558,
  "size_x": 240,
  "size_y": 240,
  "size_z": 220,
  "snr_csf": 2.844387258974535,
  "snr_gm": 7.886280040296887,
  "snr_total": 9.92534244421688,
  "snr_wm": 19.045360033379218,
  "snrd_csf": 23.918943327816997,
  "snrd_gm": 44.48265660891241,
  "snrd_total": 47.039935202841654,
  "snrd_wm": 72.71820567179556,
  "spacing_x": 1.0,
  "spacing_y": 0.9999999403953552,
  "spacing_z": 1.0,
  "summary_bg_k": 51.91963869136968,
  "summary_bg_mad": 9.009052085133632,
  "summary_bg_mean": 16.673078536987305,
  "summary_bg_median": 12.009122848510742,
  "summary_bg_n": 153674.0,
  "summary_bg_p05": 0.0,
  "summary_bg_p95": 42.07307777404785,
  "summary_bg_stdv": 18.246726989746094,
  "summary_csf_k": 13.281879037334768,
  "summary_csf_mad": 94.06026995938448,
  "summary_csf_mean": 305.56048583984375,
  "summary_csf_median": 328.9193115234375,
  "summary_csf_n": 4254.0,
  "summary_csf_p05": 93.51831970214843,
  "summary_csf_p95": 460.74147186279293,
  "summary_csf_stdv": 115.62442779541016,
  "summary_gm_k": 0.1835718668656634,
  "summary_gm_mad": 74.90462217944204,
  "summary_gm_mean": 613.1008911132812,
  "summary_gm_median": 611.699462890625,
  "summary_gm_n": 18142.0,
  "summary_gm_p05": 486.638688659668,
  "summary_gm_p95": 744.4772766113281,
  "summary_gm_stdv": 77.56288146972656,
  "summary_wm_k": 1.206321586148884,
  "summary_wm_mad": 46.21607922055672,
  "summary_wm_mean": 997.2264404296875,
  "summary_wm_median": 999.9782104492188,
  "summary_wm_n": 169952.0,
  "summary_wm_p05": 906.1047760009766,
  "summary_wm_p95": 1077.3358276367187,
  "summary_wm_stdv": 52.50492858886719,
  "tpm_overlap_csf": 0.15639525651931763,
  "tpm_overlap_gm": 0.4425036907196045,
  "tpm_overlap_wm": 0.4973243772983551,
  "wm2max": 0.7298666839833071
}