{
  "aor": 0.013849703703703706,
  "aqi": 0.011625104592592595,
  "bids_meta": {
    "AcquisitionNumber": 5,
    "BidsifyVersion": "0.3.5",
    "ConversionSoftware": "dcm2niix",
    "ConversionSoftwareVersion": "v1.0.20181125  GCC6.3.0",
    "EchoTime": 0.02762,
    "EffectiveEchoSpacing": 0.0006621159151938905,
    "ImageComments": "piop",
    "ImageOrientationPatientDICOM": [
      0.990407,
      0.119881,
      -0.0687267,
      -0.138135,
      0.872113,
      -0.469402
    ],
    "Manufacturer": "Philips",
    "NumberOfVolumesDiscardedByScanner": 2,
    "ParallelAcquisitionTechnique": "SENSE",
    "ParallelReductionFactorInPlane": 2,
    "PatientPosition": "HFS",
    "PhaseEncodingDirection": "j",
    "PhilipsRescaleIntercept": 0,
    "PhilipsRescaleSlope": 0.76947,
    "PhilipsScaleSlope": 0.057843,
    "ProtocolName": "WIPpiopharririSENSE",
    "PulseSequenceType": "gradient echo EPI",
    "ReconMatrixPE": 80,
    "RepetitionTime": 2,
    "SeriesDescription": "ImageMRSERIES",
    "SeriesNumber": 5,
    "SliceEncodingDirection": "k",
    "SliceTiming": [
      0.0,
      0.0541,
      0.1081,
      0.1622,
      0.2162,
      0.2703,
      0.3243,
      0.3784,
      0.4324,
      0.4865,
      0.5405,
      0.5946,
      0.6486,
      0.7027,
      0.7568,
      0.8108,
      0.8649,
      0.9189,
      0.973,
      1.027,
      1.0811,
      1.1351,
      1.1892,
      1.2432,
      1.2973,
      1.3514,
      1.4054,
      1.4595,
      1.5135,
      1.5676,
      1.6216,
      1.6757,
      1.7297,
      1.7838,
      1.8378,
      1.8919,
      1.9459
    ],
    "TaskName": "emomatching",
    "TotalReadoutTime": 0.025822520692561732,
    "UsePhilipsFloatNotDisplayScaling": 1,
    "acq_id": "seq",
    "dataset": "ds002785",
    "modality": "bold",
    "subject_id": "0077",
    "task_id": "emomatching"
  },
  "dummy_trs": 0,
  "dvars_nstd": 25.296631706343295,
  "dvars_std": 1.0708431823134328,
  "dvars_vstd": 1.0218917340298517,
  "efc": 0.4343726229241448,
  "fber": 132184.96875,
  "fd_mean": 0.29396942536203385,
  "fd_num": 37,
  "fd_perc": 27.40740740740741,
  "fwhm_avg": 1.9187060695846547,
  "fwhm_x": 1.8828866666666666,
  "fwhm_y": 2.009113333333333,
  "fwhm_z": 1.8641182087539645,
  "gcor": 0.0178382,
  "gsr_x": -0.027424775063991547,
  "gsr_y": 0.018691139295697212,
  "provenance": {
    "md5sum": "5749036c5fff6fe01eaf68bab590d852",
    "settings": {
      "fd_thres": 0.2,
      "testing": false
    },
    "software": "mriqc",
    "version": "22.0.0rc1",
    "webapi_port": null,
    "webapi_url": "https://mriqc.nimh.nih.gov/api/v1"
  },
  "size_t": 135,
  "size_x": 80,
  "size_y": 80,
  "size_z": 37,
  "snr": 4.618183249257436,
  "spacing_tr": 2.0,
  "spacing_x": 3.0,
  "spacing_y": 3.0,
  "spacing_z": 3.299999952316284,
  "summary_bg_k": 14.134866529055106,
  "summary_bg_mad": 63.96376277285971,
  "summary_bg_mean": 857.4423828125,
  "summary_bg_median": 66.55768585205078,
  "summary_bg_n": 161774.0,
  "summary_bg_p05": 10.162528753280641,
  "summary_bg_p95": 5640.693164062505,
  "summary_bg_stdv": 2210.722412109375,
  "summary_fg_k": 1.6125958493861647,
  "summary_fg_mad": 4831.83827430671,
  "summary_fg_mean": 25300.10546875,
  "summary_fg_median": 24558.56640625,
  "summary_fg_n": 34764.0,
  "summary_fg_p05": 18087.4427734375,
  "summary_fg_p95": 35148.52968749999,
  "summary_fg_stdv": 5317.7216796875,
  "tsnr": 46.67995071411133
}