{
  "aor": 0.0005447500000000001,
  "aqi": 0.012819419416666667,
  "bids_meta": {
    "AcquisitionNumber": 7,
    "BidsifyVersion": "0.3.5",
    "ConversionSoftware": "dcm2niix",
    "ConversionSoftwareVersion": "v1.0.20181125  GCC6.3.0",
    "EchoTime": 0.02762,
    "EffectiveEchoSpacing": 0.0006333282667071997,
    "ImageComments": "piop",
    "ImageOrientationPatientDICOM": [
      0.991297,
      0.123005,
      -0.0469131,
      -0.131563,
      0.912869,
      -0.386472
    ],
    "Manufacturer": "Philips",
    "NumberOfVolumesDiscardedByScanner": 2,
    "ParallelAcquisitionTechnique": "SENSE",
    "ParallelReductionFactorInPlane": 2,
    "PatientPosition": "HFS",
    "PhaseEncodingDirection": "j",
    "PhilipsRescaleIntercept": 0,
    "PhilipsRescaleSlope": 0.78974,
    "PhilipsScaleSlope": 0.0869002,
    "ProtocolName": "WIPpioprsSENSE",
    "PulseSequenceType": "gradient echo EPI",
    "ReconMatrixPE": 80,
    "RepetitionTime": 0.75,
    "SeriesDescription": "ImageMRSERIES",
    "SeriesNumber": 7,
    "SliceEncodingDirection": "k",
    "SliceTiming": [
      0.0,
      0.06755050505050506,
      0.1351010101010101,
      0.20265151515151517,
      0.2702020202020202,
      0.3377525252525253,
      0.40530303030303033,
      0.47285353535353536,
      0.5404040404040404,
      0.6079545454545455,
      0.6755050505050506,
      0.7430555555555556,
      0.0,
      0.06755050505050506,
      0.1351010101010101,
      0.20265151515151517,
      0.2702020202020202,
      0.3377525252525253,
      0.40530303030303033,
      0.47285353535353536,
      0.5404040404040404,
      0.6079545454545455,
      0.6755050505050506,
      0.7430555555555556,
      0.0,
      0.06755050505050506,
      0.1351010101010101,
      0.20265151515151517,
      0.2702020202020202,
      0.3377525252525253,
      0.40530303030303033,
      0.47285353535353536,
      0.5404040404040404,
      0.6079545454545455,
      0.6755050505050506,
      0.7430555555555556
    ],
    "TaskName": "restingstate",
    "TotalReadoutTime": 0.024699802401580786,
    "UsePhilipsFloatNotDisplayScaling": 1,
    "acq_id": "mb3",
    "dataset": "ds002785",
    "modality": "bold",
    "subject_id": "0077",
    "task_id": "restingstate"
  },
  "dummy_trs": 0,
  "dvars_nstd": 32.06381435453028,
  "dvars_std": 1.1039244527974947,
  "dvars_vstd": 0.985448152922756,
  "efc": 0.44965527531982824,
  "fber": 127452.0234375,
  "fd_mean": 0.1445262844042237,
  "fd_num": 87,
  "fd_perc": 18.125,
  "fwhm_avg": 1.8062421295652955,
  "fwhm_x": 1.7986566666666668,
  "fwhm_y": 1.8858,
  "fwhm_z": 1.7342697220292196,
  "gcor": 0.0169491,
  "gsr_x": -0.03247194364666939,
  "gsr_y": 0.022584792226552963,
  "provenance": {
    "md5sum": "9ebca278e6ac2620e108c5a9af3a197c",
    "settings": {
      "fd_thres": 0.2,
      "testing": false
    },
    "software": "mriqc",
    "version": "22.0.0rc1",
    "webapi_port": null,
    "webapi_url": "https://mriqc.nimh.nih.gov/api/v1"
  },
  "size_t": 480,
  "size_x": 80,
  "size_y": 80,
  "size_z": 36,
  "snr": 6.222898699598638,
  "spacing_tr": 0.75,
  "spacing_x": 3.0,
  "spacing_y": 3.0,
  "spacing_z": 3.299999952316284,
  "summary_bg_k": 19.865506831876086,
  "summary_bg_mad": 54.894728681066994,
  "summary_bg_mean": 723.8723754882812,
  "summary_bg_median": 50.60523986816406,
  "summary_bg_n": 156284.0,
  "summary_bg_p05": 5.514939379692079,
  "summary_bg_p95": 4620.253051757822,
  "summary_bg_stdv": 1803.24072265625,
  "summary_fg_k": 1.0504035867737826,
  "summary_fg_mad": 2793.9508500902457,
  "summary_fg_mean": 18537.76953125,
  "summary_fg_median": 18337.251953125,
  "summary_fg_n": 34334.0,
  "summary_fg_p05": 14136.816552734375,
  "summary_fg_p95": 23556.429296874998,
  "summary_fg_stdv": 2946.695068359375,
  "tsnr": 41.74968719482422
}