{
  "aor": 0.0027687575757575755,
  "aqi": 0.01319289896969697,
  "bids_meta": {
    "AcquisitionNumber": 2,
    "BidsifyVersion": "0.3.5",
    "ConversionSoftware": "dcm2niix",
    "ConversionSoftwareVersion": "v1.0.20181125  GCC6.3.0",
    "EchoTime": 0.02762,
    "EffectiveEchoSpacing": 0.0006333282667071997,
    "ImageComments": "piop",
    "ImageOrientationPatientDICOM": [
      0.990483,
      0.12146,
      -0.0647296,
      -0.137089,
      0.9124,
      -0.385659
    ],
    "Manufacturer": "Philips",
    "NumberOfVolumesDiscardedByScanner": 2,
    "ParallelAcquisitionTechnique": "SENSE",
    "ParallelReductionFactorInPlane": 2,
    "PatientPosition": "HFS",
    "PhaseEncodingDirection": "j",
    "PhilipsRescaleIntercept": 0,
    "PhilipsRescaleSlope": 0.82515,
    "PhilipsScaleSlope": 0.0826586,
    "ProtocolName": "WIPpiopfacesSENSE",
    "PulseSequenceType": "gradient echo EPI",
    "ReconMatrixPE": 80,
    "RepetitionTime": 0.75,
    "SeriesDescription": "ImageMRSERIES",
    "SeriesNumber": 2,
    "SliceEncodingDirection": "k",
    "SliceTiming": [
      0.0,
      0.06755050505050506,
      0.1351010101010101,
      0.20265151515151517,
      0.2702020202020202,
      0.3377525252525253,
      0.40530303030303033,
      0.47285353535353536,
      0.5404040404040404,
      0.6079545454545455,
      0.6755050505050506,
      0.7430555555555556,
      0.0,
      0.06755050505050506,
      0.1351010101010101,
      0.20265151515151517,
      0.2702020202020202,
      0.3377525252525253,
      0.40530303030303033,
      0.47285353535353536,
      0.5404040404040404,
      0.6079545454545455,
      0.6755050505050506,
      0.7430555555555556,
      0.0,
      0.06755050505050506,
      0.1351010101010101,
      0.20265151515151517,
      0.2702020202020202,
      0.3377525252525253,
      0.40530303030303033,
      0.47285353535353536,
      0.5404040404040404,
      0.6079545454545455,
      0.6755050505050506,
      0.7430555555555556
    ],
    "TaskName": "faces",
    "TotalReadoutTime": 0.024699802401580786,
    "UsePhilipsFloatNotDisplayScaling": 1,
    "acq_id": "mb3",
    "dataset": "ds002785",
    "modality": "bold",
    "subject_id": "0077",
    "task_id": "faces"
  },
  "dummy_trs": 0,
  "dvars_nstd": 27.903604015045588,
  "dvars_std": 1.0941693641337382,
  "dvars_vstd": 0.9804376827963533,
  "efc": 0.44931609698575,
  "fber": 129727.3671875,
  "fd_mean": 0.1788254158979749,
  "fd_num": 69,
  "fd_perc": 20.90909090909091,
  "fwhm_avg": 2.1874964238086645,
  "fwhm_x": 2.1779733333333335,
  "fwhm_y": 2.302373333333333,
  "fwhm_z": 2.0821426047593263,
  "gcor": 0.016028,
  "gsr_x": -0.031466927379369736,
  "gsr_y": 0.020372245460748672,
  "provenance": {
    "md5sum": "3879f7bbe3fac7b2e199e002f3f29fc7",
    "settings": {
      "fd_thres": 0.2,
      "testing": false
    },
    "software": "mriqc",
    "version": "22.0.0rc1",
    "webapi_port": null,
    "webapi_url": "https://mriqc.nimh.nih.gov/api/v1"
  },
  "size_t": 330,
  "size_x": 80,
  "size_y": 80,
  "size_z": 36,
  "snr": 5.782764320093412,
  "spacing_tr": 0.75,
  "spacing_x": 3.0,
  "spacing_y": 3.0,
  "spacing_z": 3.299999713897705,
  "summary_bg_k": 16.660405888705142,
  "summary_bg_mad": 51.888761647297514,
  "summary_bg_mean": 693.1536865234375,
  "summary_bg_median": 50.63596725463867,
  "summary_bg_n": 155947.0,
  "summary_bg_p05": 7.105710840225219,
  "summary_bg_p95": 4362.85346679687,
  "summary_bg_stdv": 1682.5833740234375,
  "summary_fg_k": 0.5647805174169047,
  "summary_fg_mad": 3126.3208760485027,
  "summary_fg_mean": 18630.939453125,
  "summary_fg_median": 18403.30078125,
  "summary_fg_n": 34770.0,
  "summary_fg_p05": 13838.084765625,
  "summary_fg_p95": 24042.5740234375,
  "summary_fg_stdv": 3182.394287109375,
  "tsnr": 40.62799835205078
}