{
  "aor": 0.006445123456790124,
  "aqi": 0.005683548518518519,
  "bids_meta": {
    "AcquisitionNumber": 9,
    "BidsifyVersion": "0.3.5",
    "ConversionSoftware": "dcm2niix",
    "ConversionSoftwareVersion": "v1.0.20181125  GCC6.3.0",
    "EchoTime": 0.02762,
    "EffectiveEchoSpacing": 0.0006621159151938905,
    "ImageComments": "piop",
    "ImageOrientationPatientDICOM": [
      0.991702,
      0.122262,
      -0.0397488,
      -0.126512,
      0.873098,
      -0.470844
    ],
    "Manufacturer": "Philips",
    "NumberOfVolumesDiscardedByScanner": 2,
    "ParallelAcquisitionTechnique": "SENSE",
    "ParallelReductionFactorInPlane": 2,
    "PatientPosition": "HFS",
    "PhaseEncodingDirection": "j",
    "PhilipsRescaleIntercept": 0,
    "PhilipsRescaleSlope": 0.86618,
    "PhilipsScaleSlope": 0.0601027,
    "ProtocolName": "WIPpiopwmSENSE",
    "PulseSequenceType": "gradient echo EPI",
    "ReconMatrixPE": 80,
    "RepetitionTime": 2,
    "SeriesDescription": "ImageMRSERIES",
    "SeriesNumber": 9,
    "SliceEncodingDirection": "k",
    "SliceTiming": [
      0.0,
      0.0541,
      0.1081,
      0.1622,
      0.2162,
      0.2703,
      0.3243,
      0.3784,
      0.4324,
      0.4865,
      0.5405,
      0.5946,
      0.6486,
      0.7027,
      0.7568,
      0.8108,
      0.8649,
      0.9189,
      0.973,
      1.027,
      1.0811,
      1.1351,
      1.1892,
      1.2432,
      1.2973,
      1.3514,
      1.4054,
      1.4595,
      1.5135,
      1.5676,
      1.6216,
      1.6757,
      1.7297,
      1.7838,
      1.8378,
      1.8919,
      1.9459
    ],
    "TaskName": "workingmemory",
    "TotalReadoutTime": 0.025822520692561732,
    "UsePhilipsFloatNotDisplayScaling": 1,
    "acq_id": "seq",
    "dataset": "ds002785",
    "modality": "bold",
    "subject_id": "0077",
    "task_id": "workingmemory"
  },
  "dummy_trs": 0,
  "dvars_nstd": 21.54789416987578,
  "dvars_std": 1.1766451944099388,
  "dvars_vstd": 1.0347282190062113,
  "efc": 0.44149694429157393,
  "fber": 126031.6015625,
  "fd_mean": 0.16913106172005493,
  "fd_num": 33,
  "fd_perc": 20.37037037037037,
  "fwhm_avg": 1.8561217259244014,
  "fwhm_x": 1.8257966666666665,
  "fwhm_y": 1.9253533333333335,
  "fwhm_z": 1.8172151777732037,
  "gcor": 0.0225428,
  "gsr_x": -0.030312813818454742,
  "gsr_y": 0.014542508870363235,
  "provenance": {
    "md5sum": "278675ab533a05d0dfa77ddce1693c63",
    "settings": {
      "fd_thres": 0.2,
      "testing": false
    },
    "software": "mriqc",
    "version": "22.0.0rc1",
    "webapi_port": null,
    "webapi_url": "https://mriqc.nimh.nih.gov/api/v1"
  },
  "size_t": 162,
  "size_x": 80,
  "size_y": 80,
  "size_z": 37,
  "snr": 4.8512662166788205,
  "spacing_tr": 2.0,
  "spacing_x": 3.0,
  "spacing_y": 3.0,
  "spacing_z": 3.299999952316284,
  "summary_bg_k": 14.607706959838985,
  "summary_bg_mad": 70.12303999395955,
  "summary_bg_mean": 904.0454711914062,
  "summary_bg_median": 66.21452331542969,
  "summary_bg_n": 160907.0,
  "summary_bg_p05": 6.364693069458008,
  "summary_bg_p95": 6113.055078124986,
  "summary_bg_stdv": 2294.037109375,
  "summary_fg_k": 1.7676886148658948,
  "summary_fg_mad": 4455.606243554979,
  "summary_fg_mean": 24455.5546875,
  "summary_fg_median": 23828.392578125,
  "summary_fg_n": 35072.0,
  "summary_fg_p05": 17844.9666015625,
  "summary_fg_p95": 33446.717578125,
  "summary_fg_stdv": 4911.71826171875,
  "tsnr": 65.85090637207031
}