{
  "aor": 0.0018905714285714285,
  "aqi": 0.007270800612244898,
  "bids_meta": {
    "AcquisitionNumber": 3,
    "BidsifyVersion": "0.3.5",
    "ConversionSoftware": "dcm2niix",
    "ConversionSoftwareVersion": "v1.0.20181125  GCC6.3.0",
    "EchoTime": 0.02762,
    "EffectiveEchoSpacing": 0.0006621159151938905,
    "ImageComments": "piop",
    "ImageOrientationPatientDICOM": [
      0.990407,
      0.119881,
      -0.0687267,
      -0.138135,
      0.872113,
      -0.469402
    ],
    "Manufacturer": "Philips",
    "NumberOfVolumesDiscardedByScanner": 2,
    "ParallelAcquisitionTechnique": "SENSE",
    "ParallelReductionFactorInPlane": 2,
    "PatientPosition": "HFS",
    "PhaseEncodingDirection": "j",
    "PhilipsRescaleIntercept": 0,
    "PhilipsRescaleSlope": 0.79463,
    "PhilipsScaleSlope": 0.055829,
    "ProtocolName": "WIPpiopgstroopSENSE",
    "PulseSequenceType": "gradient echo EPI",
    "ReconMatrixPE": 80,
    "RepetitionTime": 2,
    "SeriesDescription": "ImageMRSERIES",
    "SeriesNumber": 3,
    "SliceEncodingDirection": "k",
    "SliceTiming": [
      0.0,
      0.0541,
      0.1081,
      0.1622,
      0.2162,
      0.2703,
      0.3243,
      0.3784,
      0.4324,
      0.4865,
      0.5405,
      0.5946,
      0.6486,
      0.7027,
      0.7568,
      0.8108,
      0.8649,
      0.9189,
      0.973,
      1.027,
      1.0811,
      1.1351,
      1.1892,
      1.2432,
      1.2973,
      1.3514,
      1.4054,
      1.4595,
      1.5135,
      1.5676,
      1.6216,
      1.6757,
      1.7297,
      1.7838,
      1.8378,
      1.8919,
      1.9459
    ],
    "TaskName": "gstroop",
    "TotalReadoutTime": 0.025822520692561732,
    "UsePhilipsFloatNotDisplayScaling": 1,
    "acq_id": "seq",
    "dataset": "ds002785",
    "modality": "bold",
    "subject_id": "0077",
    "task_id": "gstroop"
  },
  "dummy_trs": 0,
  "dvars_nstd": 20.440128517909844,
  "dvars_std": 1.0384138584426224,
  "dvars_vstd": 0.9503739336065579,
  "efc": 0.4377862580464512,
  "fber": 133412.21875,
  "fd_mean": 0.15617323706198494,
  "fd_num": 45,
  "fd_perc": 18.367346938775512,
  "fwhm_avg": 1.8596273824369007,
  "fwhm_x": 1.8336966666666665,
  "fwhm_y": 1.9390066666666668,
  "fwhm_z": 1.806178813977369,
  "gcor": 0.017403,
  "gsr_x": -0.028278375044465065,
  "gsr_y": 0.018558384850621223,
  "provenance": {
    "md5sum": "3e2ecdd65f4a5db8e3523e720dc58f8f",
    "settings": {
      "fd_thres": 0.2,
      "testing": false
    },
    "software": "mriqc",
    "version": "22.0.0rc1",
    "webapi_port": null,
    "webapi_url": "https://mriqc.nimh.nih.gov/api/v1"
  },
  "size_t": 245,
  "size_x": 80,
  "size_y": 80,
  "size_z": 37,
  "snr": 4.74482483796652,
  "spacing_tr": 2.0,
  "spacing_x": 3.0,
  "spacing_y": 3.0,
  "spacing_z": 3.299999952316284,
  "summary_bg_k": 22.216380519834644,
  "summary_bg_mad": 64.56053018691057,
  "summary_bg_mean": 881.9696044921875,
  "summary_bg_median": 66.44054412841797,
  "summary_bg_n": 160983.0,
  "summary_bg_p05": 8.814184665679932,
  "summary_bg_p95": 5826.41923828125,
  "summary_bg_stdv": 2303.88134765625,
  "summary_fg_k": 1.592581624454251,
  "summary_fg_mad": 4743.823246120231,
  "summary_fg_mean": 25395.529296875,
  "summary_fg_median": 24704.404296875,
  "summary_fg_n": 35193.0,
  "summary_fg_p05": 18375.598046875002,
  "summary_fg_p95": 35078.135156250006,
  "summary_fg_stdv": 5206.52587890625,
  "tsnr": 62.839725494384766
}