{
  "aor": 0.0026460999999999998,
  "aqi": 0.0045216395,
  "bids_meta": {
    "AcquisitionNumber": 9,
    "BidsifyVersion": "0.3.5",
    "ConversionSoftware": "dcm2niix",
    "ConversionSoftwareVersion": "v1.0.20181125  GCC6.3.0",
    "EchoTime": 0.02762,
    "EffectiveEchoSpacing": 0.0006621159151938905,
    "ImageComments": "PIoP",
    "ImageOrientationPatientDICOM": [
      0.997726,
      -0.0544662,
      0.0396932,
      0.0585769,
      0.992085,
      -0.111068
    ],
    "Manufacturer": "Philips",
    "NumberOfVolumesDiscardedByScanner": 2,
    "ParallelAcquisitionTechnique": "SENSE",
    "ParallelReductionFactorInPlane": 2,
    "PatientPosition": "HFS",
    "PhaseEncodingDirection": "j",
    "PhilipsRescaleIntercept": 0,
    "PhilipsRescaleSlope": 0.76777,
    "PhilipsScaleSlope": 0.059994,
    "ProtocolName": "WIPpiopanticipatieSENSE",
    "PulseSequenceType": "gradient echo EPI",
    "ReconMatrixPE": 80,
    "RepetitionTime": 2,
    "SeriesDescription": "ImageMRSERIES",
    "SeriesNumber": 9,
    "SliceEncodingDirection": "k",
    "SliceTiming": [
      0.0,
      0.0541,
      0.1081,
      0.1622,
      0.2162,
      0.2703,
      0.3243,
      0.3784,
      0.4324,
      0.4865,
      0.5405,
      0.5946,
      0.6486,
      0.7027,
      0.7568,
      0.8108,
      0.8649,
      0.9189,
      0.973,
      1.027,
      1.0811,
      1.1351,
      1.1892,
      1.2432,
      1.2973,
      1.3514,
      1.4054,
      1.4595,
      1.5135,
      1.5676,
      1.6216,
      1.6757,
      1.7297,
      1.7838,
      1.8378,
      1.8919,
      1.9459
    ],
    "TaskName": "anticipation",
    "TotalReadoutTime": 0.025822520692561732,
    "UsePhilipsFloatNotDisplayScaling": 1,
    "acq_id": "seq",
    "dataset": "ds002785",
    "modality": "bold",
    "subject_id": "0187",
    "task_id": "anticipation"
  },
  "dummy_trs": 0,
  "dvars_nstd": 23.599492969095476,
  "dvars_std": 1.3058995766834178,
  "dvars_vstd": 1.021943014271357,
  "efc": 0.46037564386144264,
  "fber": 124284.375,
  "fd_mean": 0.12552607634370205,
  "fd_num": 16,
  "fd_perc": 8.0,
  "fwhm_avg": 1.8396171801174603,
  "fwhm_x": 1.7781966666666669,
  "fwhm_y": 1.9966033333333335,
  "fwhm_z": 1.7440515403523813,
  "gcor": 0.0265871,
  "gsr_x": -0.014861371368169785,
  "gsr_y": 0.018710091710090637,
  "provenance": {
    "md5sum": "0b763e1f6830453d808c27e43857471e",
    "settings": {
      "fd_thres": 0.2,
      "testing": false
    },
    "software": "mriqc",
    "version": "22.0.0rc1",
    "webapi_port": null,
    "webapi_url": "https://mriqc.nimh.nih.gov/api/v1"
  },
  "size_t": 200,
  "size_x": 80,
  "size_y": 80,
  "size_z": 37,
  "snr": 5.18300242967049,
  "spacing_tr": 2.0,
  "spacing_x": 3.0,
  "spacing_y": 3.0,
  "spacing_z": 3.299999952316284,
  "summary_bg_k": 57.636784331307204,
  "summary_bg_mad": 64.67039174427778,
  "summary_bg_mean": 669.6067504882812,
  "summary_bg_median": 62.121124267578125,
  "summary_bg_n": 153588.0,
  "summary_bg_p05": 5.177260541915894,
  "summary_bg_p95": 3837.3844726562475,
  "summary_bg_stdv": 1887.6365966796875,
  "summary_fg_k": 3.4970570642549585,
  "summary_fg_mad": 3754.997063355987,
  "summary_fg_mean": 23065.203125,
  "summary_fg_median": 22519.171875,
  "summary_fg_n": 41096.0,
  "summary_fg_p05": 17282.8515625,
  "summary_fg_p95": 29836.421875,
  "summary_fg_stdv": 4344.75927734375,
  "tsnr": 83.69015502929688
}