{
  "aor": 0.000410875,
  "aqi": 0.009835260895833333,
  "bids_meta": {
    "AcquisitionNumber": 6,
    "BidsifyVersion": "0.3.5",
    "ConversionSoftware": "dcm2niix",
    "ConversionSoftwareVersion": "v1.0.20181125  GCC6.3.0",
    "EchoTime": 0.02762,
    "EffectiveEchoSpacing": 0.0006333282667071997,
    "ImageComments": "piop",
    "ImageOrientationPatientDICOM": [
      0.999448,
      -0.0312734,
      0.0112082,
      0.0331551,
      0.917707,
      -0.395872
    ],
    "Manufacturer": "Philips",
    "NumberOfVolumesDiscardedByScanner": 2,
    "ParallelAcquisitionTechnique": "SENSE",
    "ParallelReductionFactorInPlane": 2,
    "PatientPosition": "HFS",
    "PhaseEncodingDirection": "j",
    "PhilipsRescaleIntercept": 0,
    "PhilipsRescaleSlope": 0.81197,
    "PhilipsScaleSlope": 0.0932342,
    "ProtocolName": "WIPpioprsSENSE",
    "PulseSequenceType": "gradient echo EPI",
    "ReconMatrixPE": 80,
    "RepetitionTime": 0.75,
    "SeriesDescription": "ImageMRSERIES",
    "SeriesNumber": 6,
    "SliceEncodingDirection": "k",
    "SliceTiming": [
      0.0,
      0.06755050505050506,
      0.1351010101010101,
      0.20265151515151517,
      0.2702020202020202,
      0.3377525252525253,
      0.40530303030303033,
      0.47285353535353536,
      0.5404040404040404,
      0.6079545454545455,
      0.6755050505050506,
      0.7430555555555556,
      0.0,
      0.06755050505050506,
      0.1351010101010101,
      0.20265151515151517,
      0.2702020202020202,
      0.3377525252525253,
      0.40530303030303033,
      0.47285353535353536,
      0.5404040404040404,
      0.6079545454545455,
      0.6755050505050506,
      0.7430555555555556,
      0.0,
      0.06755050505050506,
      0.1351010101010101,
      0.20265151515151517,
      0.2702020202020202,
      0.3377525252525253,
      0.40530303030303033,
      0.47285353535353536,
      0.5404040404040404,
      0.6079545454545455,
      0.6755050505050506,
      0.7430555555555556
    ],
    "TaskName": "restingstate",
    "TotalReadoutTime": 0.024699802401580786,
    "UsePhilipsFloatNotDisplayScaling": 1,
    "acq_id": "mb3",
    "dataset": "ds002785",
    "modality": "bold",
    "subject_id": "0010",
    "task_id": "restingstate"
  },
  "dummy_trs": 0,
  "dvars_nstd": 28.83267013594989,
  "dvars_std": 1.1968706061586636,
  "dvars_vstd": 1.0008192532776614,
  "efc": 0.40551406153532427,
  "fber": 183385.21875,
  "fd_mean": 0.10151829413066954,
  "fd_num": 18,
  "fd_perc": 3.75,
  "fwhm_avg": 1.7297606141996633,
  "fwhm_x": 1.70516,
  "fwhm_y": 1.7943066666666667,
  "fwhm_z": 1.6898151759323232,
  "gcor": 0.0237729,
  "gsr_x": -0.024933120235800743,
  "gsr_y": 0.012759626843035221,
  "provenance": {
    "md5sum": "93fa2960425581fa03a1f5fcad7cf2c6",
    "settings": {
      "fd_thres": 0.2,
      "testing": false
    },
    "software": "mriqc",
    "version": "22.0.0rc1",
    "webapi_port": null,
    "webapi_url": "https://mriqc.nimh.nih.gov/api/v1"
  },
  "size_t": 480,
  "size_x": 80,
  "size_y": 80,
  "size_z": 36,
  "snr": 7.42949427383128,
  "spacing_tr": 0.75,
  "spacing_x": 3.0,
  "spacing_y": 3.0,
  "spacing_z": 3.299999952316284,
  "summary_bg_k": 45.17382028303924,
  "summary_bg_mad": 45.0368546733059,
  "summary_bg_mean": 383.2978820800781,
  "summary_bg_median": 40.6092414855957,
  "summary_bg_n": 160303.0,
  "summary_bg_p05": 1.9284538030624394,
  "summary_bg_p95": 2168.5084960937497,
  "summary_bg_stdv": 1090.742431640625,
  "summary_fg_k": 0.95287692433548,
  "summary_fg_mad": 2314.498431289978,
  "summary_fg_mean": 17862.6484375,
  "summary_fg_median": 17804.236328125,
  "summary_fg_n": 29818.0,
  "summary_fg_p05": 14046.793408203126,
  "summary_fg_p95": 21715.59912109375,
  "summary_fg_stdv": 2396.38623046875,
  "tsnr": 55.619850158691406
}