{
  "aor": 0.0018588271604938272,
  "aqi": 0.005130615,
  "bids_meta": {
    "AcquisitionNumber": 8,
    "BidsifyVersion": "0.3.5",
    "ConversionSoftware": "dcm2niix",
    "ConversionSoftwareVersion": "v1.0.20181125  GCC6.3.0",
    "EchoTime": 0.02762,
    "EffectiveEchoSpacing": 0.0006621159151938905,
    "ImageComments": "piop",
    "ImageOrientationPatientDICOM": [
      0.999448,
      -0.0312734,
      0.0112082,
      0.0331551,
      0.917707,
      -0.395872
    ],
    "Manufacturer": "Philips",
    "NumberOfVolumesDiscardedByScanner": 2,
    "ParallelAcquisitionTechnique": "SENSE",
    "ParallelReductionFactorInPlane": 2,
    "PatientPosition": "HFS",
    "PhaseEncodingDirection": "j",
    "PhilipsRescaleIntercept": 0,
    "PhilipsRescaleSlope": 0.85934,
    "PhilipsScaleSlope": 0.0569464,
    "ProtocolName": "WIPpiopwmSENSE",
    "PulseSequenceType": "gradient echo EPI",
    "ReconMatrixPE": 80,
    "RepetitionTime": 2,
    "SeriesDescription": "ImageMRSERIES",
    "SeriesNumber": 8,
    "SliceEncodingDirection": "k",
    "SliceTiming": [
      0.0,
      0.0541,
      0.1081,
      0.1622,
      0.2162,
      0.2703,
      0.3243,
      0.3784,
      0.4324,
      0.4865,
      0.5405,
      0.5946,
      0.6486,
      0.7027,
      0.7568,
      0.8108,
      0.8649,
      0.9189,
      0.973,
      1.027,
      1.0811,
      1.1351,
      1.1892,
      1.2432,
      1.2973,
      1.3514,
      1.4054,
      1.4595,
      1.5135,
      1.5676,
      1.6216,
      1.6757,
      1.7297,
      1.7838,
      1.8378,
      1.8919,
      1.9459
    ],
    "TaskName": "workingmemory",
    "TotalReadoutTime": 0.025822520692561732,
    "UsePhilipsFloatNotDisplayScaling": 1,
    "acq_id": "seq",
    "dataset": "ds002785",
    "modality": "bold",
    "subject_id": "0010",
    "task_id": "workingmemory"
  },
  "dummy_trs": 0,
  "dvars_nstd": 21.879033414534167,
  "dvars_std": 1.3457160648447202,
  "dvars_vstd": 1.0160040727950308,
  "efc": 0.40073218125946647,
  "fber": 177772.8125,
  "fd_mean": 0.13857451871889162,
  "fd_num": 26,
  "fd_perc": 16.049382716049383,
  "fwhm_avg": 1.6969711191139478,
  "fwhm_x": 1.67695,
  "fwhm_y": 1.7524300000000002,
  "fwhm_z": 1.6615333573418438,
  "gcor": 0.0278459,
  "gsr_x": -0.024219492450356483,
  "gsr_y": 0.01299446914345026,
  "provenance": {
    "md5sum": "53b20ac38249161182afb5f96a99ade3",
    "settings": {
      "fd_thres": 0.2,
      "testing": false
    },
    "software": "mriqc",
    "version": "22.0.0rc1",
    "webapi_port": null,
    "webapi_url": "https://mriqc.nimh.nih.gov/api/v1"
  },
  "size_t": 162,
  "size_x": 80,
  "size_y": 80,
  "size_z": 37,
  "snr": 5.965307872983783,
  "spacing_tr": 2.0,
  "spacing_x": 3.0,
  "spacing_y": 3.0,
  "spacing_z": 3.299999952316284,
  "summary_bg_k": 82.0332567012938,
  "summary_bg_mad": 58.28168909175555,
  "summary_bg_mean": 553.8999633789062,
  "summary_bg_median": 58.79085922241211,
  "summary_bg_n": 165470.0,
  "summary_bg_p05": 3.6761112809181213,
  "summary_bg_p95": 3136.4939086913982,
  "summary_bg_stdv": 1666.8369140625,
  "summary_fg_k": 1.1273735478517448,
  "summary_fg_mad": 4238.389092152889,
  "summary_fg_mean": 25809.814453125,
  "summary_fg_median": 25415.990234375,
  "summary_fg_n": 30447.0,
  "summary_fg_p05": 19656.823632812502,
  "summary_fg_p95": 32778.64570312499,
  "summary_fg_stdv": 4260.5634765625,
  "tsnr": 79.526611328125
}