{
  "aor": 0.0010837,
  "aqi": 0.0048609657,
  "bids_meta": {
    "AcquisitionNumber": 9,
    "BidsifyVersion": "0.3.5",
    "ConversionSoftware": "dcm2niix",
    "ConversionSoftwareVersion": "v1.0.20181125  GCC6.3.0",
    "EchoTime": 0.02762,
    "EffectiveEchoSpacing": 0.0006621159151938905,
    "ImageComments": "piop",
    "ImageOrientationPatientDICOM": [
      0.999448,
      -0.0312734,
      0.0112082,
      0.0331551,
      0.917707,
      -0.395872
    ],
    "Manufacturer": "Philips",
    "NumberOfVolumesDiscardedByScanner": 2,
    "ParallelAcquisitionTechnique": "SENSE",
    "ParallelReductionFactorInPlane": 2,
    "PatientPosition": "HFS",
    "PhaseEncodingDirection": "j",
    "PhilipsRescaleIntercept": 0,
    "PhilipsRescaleSlope": 0.81636,
    "PhilipsScaleSlope": 0.0589383,
    "ProtocolName": "WIPpiopanticipatieSENSE",
    "PulseSequenceType": "gradient echo EPI",
    "ReconMatrixPE": 80,
    "RepetitionTime": 2,
    "SeriesDescription": "ImageMRSERIES",
    "SeriesNumber": 9,
    "SliceEncodingDirection": "k",
    "SliceTiming": [
      0.0,
      0.0541,
      0.1081,
      0.1622,
      0.2162,
      0.2703,
      0.3243,
      0.3784,
      0.4324,
      0.4865,
      0.5405,
      0.5946,
      0.6486,
      0.7027,
      0.7568,
      0.8108,
      0.8649,
      0.9189,
      0.973,
      1.027,
      1.0811,
      1.1351,
      1.1892,
      1.2432,
      1.2973,
      1.3514,
      1.4054,
      1.4595,
      1.5135,
      1.5676,
      1.6216,
      1.6757,
      1.7297,
      1.7838,
      1.8378,
      1.8919,
      1.9459
    ],
    "TaskName": "anticipation",
    "TotalReadoutTime": 0.025822520692561732,
    "UsePhilipsFloatNotDisplayScaling": 1,
    "acq_id": "seq",
    "dataset": "ds002785",
    "modality": "bold",
    "subject_id": "0010",
    "task_id": "anticipation"
  },
  "dummy_trs": 0,
  "dvars_nstd": 24.633071353015076,
  "dvars_std": 1.37029735361809,
  "dvars_vstd": 0.9976587008040202,
  "efc": 0.3995736129591084,
  "fber": 176646.28125,
  "fd_mean": 0.16497541381112207,
  "fd_num": 64,
  "fd_perc": 32.0,
  "fwhm_avg": 1.6955752605427434,
  "fwhm_x": 1.67595,
  "fwhm_y": 1.7462,
  "fwhm_z": 1.6645757816282298,
  "gcor": 0.0317726,
  "gsr_x": -0.02391168661415577,
  "gsr_y": 0.01301814615726471,
  "provenance": {
    "md5sum": "f49e3ef7ef162eac055c6e683720584b",
    "settings": {
      "fd_thres": 0.2,
      "testing": false
    },
    "software": "mriqc",
    "version": "22.0.0rc1",
    "webapi_port": null,
    "webapi_url": "https://mriqc.nimh.nih.gov/api/v1"
  },
  "size_t": 200,
  "size_x": 80,
  "size_y": 80,
  "size_z": 37,
  "snr": 5.941054887828018,
  "spacing_tr": 2.0,
  "spacing_x": 3.0,
  "spacing_y": 3.0,
  "spacing_z": 3.299999952316284,
  "summary_bg_k": 65.10195486513109,
  "summary_bg_mad": 60.41460668957084,
  "summary_bg_mean": 537.9287719726562,
  "summary_bg_median": 58.686893463134766,
  "summary_bg_n": 165629.0,
  "summary_bg_p05": 3.5326414108276367,
  "summary_bg_p95": 3057.7430175781283,
  "summary_bg_stdv": 1590.5499267578125,
  "summary_fg_k": 1.1991782694634177,
  "summary_fg_mad": 4192.468963283628,
  "summary_fg_mean": 25578.970703125,
  "summary_fg_median": 25183.89453125,
  "summary_fg_n": 30301.0,
  "summary_fg_p05": 19509.5390625,
  "summary_fg_p95": 32527.912109375,
  "summary_fg_stdv": 4238.89013671875,
  "tsnr": 80.73613739013672
}