{
  "aor": 0.0015486122448979591,
  "aqi": 0.004260681265306121,
  "bids_meta": {
    "AcquisitionNumber": 3,
    "BidsifyVersion": "0.3.5",
    "ConversionSoftware": "dcm2niix",
    "ConversionSoftwareVersion": "v1.0.20181125  GCC6.3.0",
    "EchoTime": 0.02762,
    "EffectiveEchoSpacing": 0.0006621159151938905,
    "ImageComments": "piop",
    "ImageOrientationPatientDICOM": [
      0.999928,
      0.00664133,
      0.0100379,
      -0.00593376,
      0.997603,
      -0.0689467
    ],
    "Manufacturer": "Philips",
    "NumberOfVolumesDiscardedByScanner": 2,
    "ParallelAcquisitionTechnique": "SENSE",
    "ParallelReductionFactorInPlane": 2,
    "PatientPosition": "HFS",
    "PhaseEncodingDirection": "j",
    "PhilipsRescaleIntercept": 0,
    "PhilipsRescaleSlope": 0.74872,
    "PhilipsScaleSlope": 0.0531171,
    "ProtocolName": "WIPpiopgstroopSENSE",
    "PulseSequenceType": "gradient echo EPI",
    "ReconMatrixPE": 80,
    "RepetitionTime": 2,
    "SeriesDescription": "ImageMRSERIES",
    "SeriesNumber": 3,
    "SliceEncodingDirection": "k",
    "SliceTiming": [
      0.0,
      0.0541,
      0.1081,
      0.1622,
      0.2162,
      0.2703,
      0.3243,
      0.3784,
      0.4324,
      0.4865,
      0.5405,
      0.5946,
      0.6486,
      0.7027,
      0.7568,
      0.8108,
      0.8649,
      0.9189,
      0.973,
      1.027,
      1.0811,
      1.1351,
      1.1892,
      1.2432,
      1.2973,
      1.3514,
      1.4054,
      1.4595,
      1.5135,
      1.5676,
      1.6216,
      1.6757,
      1.7297,
      1.7838,
      1.8378,
      1.8919,
      1.9459
    ],
    "TaskName": "gstroop",
    "TotalReadoutTime": 0.025822520692561732,
    "UsePhilipsFloatNotDisplayScaling": 1,
    "acq_id": "seq",
    "dataset": "ds002785",
    "modality": "bold",
    "subject_id": "0135",
    "task_id": "gstroop"
  },
  "dummy_trs": 0,
  "dvars_nstd": 19.33086013377047,
  "dvars_std": 1.176733712581968,
  "dvars_vstd": 0.9825018356967213,
  "efc": 0.40717178904517787,
  "fber": 244724.0,
  "fd_mean": 0.0926855236948386,
  "fd_num": 8,
  "fd_perc": 3.2653061224489797,
  "fwhm_avg": 1.809707382089468,
  "fwhm_x": 1.7484133333333334,
  "fwhm_y": 1.9466633333333334,
  "fwhm_z": 1.7340454796017368,
  "gcor": 0.0199695,
  "gsr_x": -0.024052109569311142,
  "gsr_y": 0.014611401595175266,
  "provenance": {
    "md5sum": "e3bbe9282af77dc60bbcf50ac811ebc9",
    "settings": {
      "fd_thres": 0.2,
      "testing": false
    },
    "software": "mriqc",
    "version": "22.0.0rc1",
    "webapi_port": null,
    "webapi_url": "https://mriqc.nimh.nih.gov/api/v1"
  },
  "size_t": 245,
  "size_x": 80,
  "size_y": 80,
  "size_z": 37,
  "snr": 5.26066310159364,
  "spacing_tr": 2.0,
  "spacing_x": 3.0,
  "spacing_y": 3.0,
  "spacing_z": 3.299999952316284,
  "summary_bg_k": 97.159262393431,
  "summary_bg_mad": 56.066875853473526,
  "summary_bg_mean": 499.7823791503906,
  "summary_bg_median": 49.83417510986328,
  "summary_bg_n": 162787.0,
  "summary_bg_p05": 1.461290180683136,
  "summary_bg_p95": 2462.802050781247,
  "summary_bg_stdv": 1682.5010986328125,
  "summary_fg_k": 2.328781043852005,
  "summary_fg_mad": 4260.888739101695,
  "summary_fg_mean": 25882.17578125,
  "summary_fg_median": 25264.619140625,
  "summary_fg_n": 33275.0,
  "summary_fg_p05": 19163.045703125,
  "summary_fg_p95": 34019.65078125,
  "summary_fg_stdv": 4802.48193359375,
  "tsnr": 84.56085205078125
}