{
  "aor": 0.001394814814814815,
  "aqi": 0.002670161111111111,
  "bids_meta": {
    "AcquisitionNumber": 5,
    "BidsifyVersion": "0.3.5",
    "ConversionSoftware": "dcm2niix",
    "ConversionSoftwareVersion": "v1.0.20181125  GCC6.3.0",
    "EchoTime": 0.02762,
    "EffectiveEchoSpacing": 0.0006621159151938905,
    "ImageComments": "piop",
    "ImageOrientationPatientDICOM": [
      0.999928,
      0.00664133,
      0.0100379,
      -0.00593376,
      0.997603,
      -0.0689467
    ],
    "Manufacturer": "Philips",
    "NumberOfVolumesDiscardedByScanner": 2,
    "ParallelAcquisitionTechnique": "SENSE",
    "ParallelReductionFactorInPlane": 2,
    "PatientPosition": "HFS",
    "PhaseEncodingDirection": "j",
    "PhilipsRescaleIntercept": 0,
    "PhilipsRescaleSlope": 0.75995,
    "PhilipsScaleSlope": 0.0510224,
    "ProtocolName": "WIPpiopharririSENSE",
    "PulseSequenceType": "gradient echo EPI",
    "ReconMatrixPE": 80,
    "RepetitionTime": 2,
    "SeriesDescription": "ImageMRSERIES",
    "SeriesNumber": 5,
    "SliceEncodingDirection": "k",
    "SliceTiming": [
      0.0,
      0.0541,
      0.1081,
      0.1622,
      0.2162,
      0.2703,
      0.3243,
      0.3784,
      0.4324,
      0.4865,
      0.5405,
      0.5946,
      0.6486,
      0.7027,
      0.7568,
      0.8108,
      0.8649,
      0.9189,
      0.973,
      1.027,
      1.0811,
      1.1351,
      1.1892,
      1.2432,
      1.2973,
      1.3514,
      1.4054,
      1.4595,
      1.5135,
      1.5676,
      1.6216,
      1.6757,
      1.7297,
      1.7838,
      1.8378,
      1.8919,
      1.9459
    ],
    "TaskName": "emomatching",
    "TotalReadoutTime": 0.025822520692561732,
    "UsePhilipsFloatNotDisplayScaling": 1,
    "acq_id": "seq",
    "dataset": "ds002785",
    "modality": "bold",
    "subject_id": "0135",
    "task_id": "emomatching"
  },
  "dummy_trs": 0,
  "dvars_nstd": 18.689489421716416,
  "dvars_std": 1.2312683676865668,
  "dvars_vstd": 1.0152033697014926,
  "efc": 0.40745833979392443,
  "fber": 253107.609375,
  "fd_mean": 0.07855648348634597,
  "fd_num": 2,
  "fd_perc": 1.4814814814814814,
  "fwhm_avg": 1.8633447561534613,
  "fwhm_x": 1.79309,
  "fwhm_y": 1.9950866666666667,
  "fwhm_z": 1.801857601793717,
  "gcor": 0.023918,
  "gsr_x": -0.024409279227256775,
  "gsr_y": 0.015098742209374905,
  "provenance": {
    "md5sum": "df201c2c687e9d83a1c6e465c356cf85",
    "settings": {
      "fd_thres": 0.2,
      "testing": false
    },
    "software": "mriqc",
    "version": "22.0.0rc1",
    "webapi_port": null,
    "webapi_url": "https://mriqc.nimh.nih.gov/api/v1"
  },
  "size_t": 135,
  "size_x": 80,
  "size_y": 80,
  "size_z": 37,
  "snr": 5.062379689388145,
  "spacing_tr": 2.0,
  "spacing_x": 3.0,
  "spacing_y": 3.0,
  "spacing_z": 3.299999952316284,
  "summary_bg_k": 91.61916724168228,
  "summary_bg_mad": 56.7581963167627,
  "summary_bg_mean": 516.2335205078125,
  "summary_bg_median": 50.232826232910156,
  "summary_bg_n": 162632.0,
  "summary_bg_p05": 1.2123026549816132,
  "summary_bg_p95": 2564.1398803710854,
  "summary_bg_stdv": 1724.4617919921875,
  "summary_fg_k": 2.0286388743478874,
  "summary_fg_mad": 4561.978609171569,
  "summary_fg_mean": 26579.736328125,
  "summary_fg_median": 25941.87109375,
  "summary_fg_n": 33378.0,
  "summary_fg_p05": 19342.38671875,
  "summary_fg_p95": 35350.9654296875,
  "summary_fg_stdv": 5124.365234375,
  "tsnr": 98.30215454101562
}