{
  "aor": 0.00039546025104602504,
  "aqi": 0.012534770836820084,
  "bids_meta": {
    "AcquisitionNumber": 6,
    "BidsifyVersion": "0.3.5",
    "ConversionSoftware": "dcm2niix",
    "ConversionSoftwareVersion": "v1.0.20181125  GCC6.3.0",
    "EchoTime": 0.02762,
    "EffectiveEchoSpacing": 0.0006333282667071997,
    "ImageComments": "piop",
    "ImageOrientationPatientDICOM": [
      0.997272,
      0.0676723,
      0.0294729,
      -0.057677,
      0.963626,
      -0.260956
    ],
    "Manufacturer": "Philips",
    "NumberOfVolumesDiscardedByScanner": 2,
    "ParallelAcquisitionTechnique": "SENSE",
    "ParallelReductionFactorInPlane": 2,
    "PatientPosition": "HFS",
    "PhaseEncodingDirection": "j",
    "PhilipsRescaleIntercept": 0,
    "PhilipsRescaleSlope": 0.76239,
    "PhilipsScaleSlope": 0.0940835,
    "ProtocolName": "WIPpioprsSENSE",
    "PulseSequenceType": "gradient echo EPI",
    "ReconMatrixPE": 80,
    "RepetitionTime": 0.75,
    "SeriesDescription": "ImageMRSERIES",
    "SeriesNumber": 6,
    "SliceEncodingDirection": "k",
    "SliceTiming": [
      0.0,
      0.06755050505050506,
      0.1351010101010101,
      0.20265151515151517,
      0.2702020202020202,
      0.3377525252525253,
      0.40530303030303033,
      0.47285353535353536,
      0.5404040404040404,
      0.6079545454545455,
      0.6755050505050506,
      0.7430555555555556,
      0.0,
      0.06755050505050506,
      0.1351010101010101,
      0.20265151515151517,
      0.2702020202020202,
      0.3377525252525253,
      0.40530303030303033,
      0.47285353535353536,
      0.5404040404040404,
      0.6079545454545455,
      0.6755050505050506,
      0.7430555555555556,
      0.0,
      0.06755050505050506,
      0.1351010101010101,
      0.20265151515151517,
      0.2702020202020202,
      0.3377525252525253,
      0.40530303030303033,
      0.47285353535353536,
      0.5404040404040404,
      0.6079545454545455,
      0.6755050505050506,
      0.7430555555555556
    ],
    "TaskName": "restingstate",
    "TotalReadoutTime": 0.024699802401580786,
    "UsePhilipsFloatNotDisplayScaling": 1,
    "acq_id": "mb3",
    "dataset": "ds002785",
    "modality": "bold",
    "subject_id": "0154",
    "task_id": "restingstate"
  },
  "dummy_trs": 2,
  "dvars_nstd": 30.643848854884702,
  "dvars_std": 1.1124999290146755,
  "dvars_vstd": 0.9833051179454927,
  "efc": 0.44761995816087663,
  "fber": 115289.8203125,
  "fd_mean": 0.10208104593141547,
  "fd_num": 20,
  "fd_perc": 4.184100418410042,
  "fwhm_avg": 1.7879822304435693,
  "fwhm_x": 1.7510433333333333,
  "fwhm_y": 1.9060033333333333,
  "fwhm_z": 1.7069000246640411,
  "gcor": 0.0191877,
  "gsr_x": -0.012168305926024914,
  "gsr_y": 0.016623130068182945,
  "provenance": {
    "md5sum": "79930de391b5846ea95b42c78ed109c1",
    "settings": {
      "fd_thres": 0.2,
      "testing": false
    },
    "software": "mriqc",
    "version": "22.0.0rc1",
    "webapi_port": null,
    "webapi_url": "https://mriqc.nimh.nih.gov/api/v1"
  },
  "size_t": 478,
  "size_x": 80,
  "size_y": 80,
  "size_z": 36,
  "snr": 6.024063010714764,
  "spacing_tr": 0.75,
  "spacing_x": 3.0,
  "spacing_y": 3.0,
  "spacing_z": 3.299999952316284,
  "summary_bg_k": 49.41983610959829,
  "summary_bg_mad": 58.04903356087622,
  "summary_bg_mean": 423.03607177734375,
  "summary_bg_median": 47.91749572753906,
  "summary_bg_n": 152190.0,
  "summary_bg_p05": 3.029046595096588,
  "summary_bg_p95": 2107.8504028320285,
  "summary_bg_stdv": 1058.0552978515625,
  "summary_fg_k": 1.9156020996918421,
  "summary_fg_mad": 2422.6567244813004,
  "summary_fg_mean": 16710.6796875,
  "summary_fg_median": 16471.408203125,
  "summary_fg_n": 37468.0,
  "summary_fg_p05": 12900.56591796875,
  "summary_fg_p95": 21365.57255859375,
  "summary_fg_stdv": 2734.232421875,
  "tsnr": 44.975276947021484
}