{
  "aor": 0.0020919135802469134,
  "aqi": 0.00363366512345679,
  "bids_meta": {
    "AcquisitionNumber": 8,
    "BidsifyVersion": "0.3.5",
    "ConversionSoftware": "dcm2niix",
    "ConversionSoftwareVersion": "v1.0.20181125  GCC6.3.0",
    "EchoTime": 0.02762,
    "EffectiveEchoSpacing": 0.0006621159151938905,
    "ImageComments": "piop",
    "ImageOrientationPatientDICOM": [
      0.997272,
      0.0676723,
      0.0294729,
      -0.057677,
      0.963626,
      -0.260956
    ],
    "Manufacturer": "Philips",
    "NumberOfVolumesDiscardedByScanner": 2,
    "ParallelAcquisitionTechnique": "SENSE",
    "ParallelReductionFactorInPlane": 2,
    "PatientPosition": "HFS",
    "PhaseEncodingDirection": "j",
    "PhilipsRescaleIntercept": 0,
    "PhilipsRescaleSlope": 0.76947,
    "PhilipsScaleSlope": 0.0571937,
    "ProtocolName": "WIPpiopwmSENSE",
    "PulseSequenceType": "gradient echo EPI",
    "ReconMatrixPE": 80,
    "RepetitionTime": 2,
    "SeriesDescription": "ImageMRSERIES",
    "SeriesNumber": 8,
    "SliceEncodingDirection": "k",
    "SliceTiming": [
      0.0,
      0.0541,
      0.1081,
      0.1622,
      0.2162,
      0.2703,
      0.3243,
      0.3784,
      0.4324,
      0.4865,
      0.5405,
      0.5946,
      0.6486,
      0.7027,
      0.7568,
      0.8108,
      0.8649,
      0.9189,
      0.973,
      1.027,
      1.0811,
      1.1351,
      1.1892,
      1.2432,
      1.2973,
      1.3514,
      1.4054,
      1.4595,
      1.5135,
      1.5676,
      1.6216,
      1.6757,
      1.7297,
      1.7838,
      1.8378,
      1.8919,
      1.9459
    ],
    "TaskName": "workingmemory",
    "TotalReadoutTime": 0.025822520692561732,
    "UsePhilipsFloatNotDisplayScaling": 1,
    "acq_id": "seq",
    "dataset": "ds002785",
    "modality": "bold",
    "subject_id": "0154",
    "task_id": "workingmemory"
  },
  "dummy_trs": 0,
  "dvars_nstd": 24.166752501677013,
  "dvars_std": 1.2432580160248448,
  "dvars_vstd": 1.0324783889440994,
  "efc": 0.43987408918099435,
  "fber": 109906.953125,
  "fd_mean": 0.15531051979323035,
  "fd_num": 28,
  "fd_perc": 17.28395061728395,
  "fwhm_avg": 1.8339350590470913,
  "fwhm_x": 1.7707233333333334,
  "fwhm_y": 1.9576,
  "fwhm_z": 1.7734818438079407,
  "gcor": 0.0229669,
  "gsr_x": -0.011082527227699757,
  "gsr_y": 0.016591550782322884,
  "provenance": {
    "md5sum": "f36c6b51beb3c322ca720d3df520ca0a",
    "settings": {
      "fd_thres": 0.2,
      "testing": false
    },
    "software": "mriqc",
    "version": "22.0.0rc1",
    "webapi_port": null,
    "webapi_url": "https://mriqc.nimh.nih.gov/api/v1"
  },
  "size_t": 162,
  "size_x": 80,
  "size_y": 80,
  "size_z": 37,
  "snr": 4.447728804438688,
  "spacing_tr": 2.0,
  "spacing_x": 3.0,
  "spacing_y": 3.0,
  "spacing_z": 3.299999952316284,
  "summary_bg_k": 61.36580092061992,
  "summary_bg_mad": 79.80354131551957,
  "summary_bg_mean": 567.291259765625,
  "summary_bg_median": 66.99369049072266,
  "summary_bg_n": 156965.0,
  "summary_bg_p05": 4.248155021667481,
  "summary_bg_p95": 2899.755371093747,
  "summary_bg_stdv": 1478.3984375,
  "summary_fg_k": 2.3053481838454406,
  "summary_fg_mad": 4403.817963522042,
  "summary_fg_mean": 23340.904296875,
  "summary_fg_median": 22524.6171875,
  "summary_fg_n": 38378.0,
  "summary_fg_p05": 16970.66640625,
  "summary_fg_p95": 32477.82041015626,
  "summary_fg_stdv": 5064.23046875,
  "tsnr": 74.78372192382812
}