{
  "aor": 0.00107655,
  "aqi": 0.0030900314500000004,
  "bids_meta": {
    "AcquisitionNumber": 9,
    "BidsifyVersion": "0.3.5",
    "ConversionSoftware": "dcm2niix",
    "ConversionSoftwareVersion": "v1.0.20181125  GCC6.3.0",
    "EchoTime": 0.02762,
    "EffectiveEchoSpacing": 0.0006621159151938905,
    "ImageComments": "piop",
    "ImageOrientationPatientDICOM": [
      0.997272,
      0.0676723,
      0.0294729,
      -0.057677,
      0.963626,
      -0.260956
    ],
    "Manufacturer": "Philips",
    "NumberOfVolumesDiscardedByScanner": 2,
    "ParallelAcquisitionTechnique": "SENSE",
    "ParallelReductionFactorInPlane": 2,
    "PatientPosition": "HFS",
    "PhaseEncodingDirection": "j",
    "PhilipsRescaleIntercept": 0,
    "PhilipsRescaleSlope": 0.76166,
    "PhilipsScaleSlope": 0.0589517,
    "ProtocolName": "WIPpiopanticipatieSENSE",
    "PulseSequenceType": "gradient echo EPI",
    "ReconMatrixPE": 80,
    "RepetitionTime": 2,
    "SeriesDescription": "ImageMRSERIES",
    "SeriesNumber": 9,
    "SliceEncodingDirection": "k",
    "SliceTiming": [
      0.0,
      0.0541,
      0.1081,
      0.1622,
      0.2162,
      0.2703,
      0.3243,
      0.3784,
      0.4324,
      0.4865,
      0.5405,
      0.5946,
      0.6486,
      0.7027,
      0.7568,
      0.8108,
      0.8649,
      0.9189,
      0.973,
      1.027,
      1.0811,
      1.1351,
      1.1892,
      1.2432,
      1.2973,
      1.3514,
      1.4054,
      1.4595,
      1.5135,
      1.5676,
      1.6216,
      1.6757,
      1.7297,
      1.7838,
      1.8378,
      1.8919,
      1.9459
    ],
    "TaskName": "anticipation",
    "TotalReadoutTime": 0.025822520692561732,
    "UsePhilipsFloatNotDisplayScaling": 1,
    "acq_id": "seq",
    "dataset": "ds002785",
    "modality": "bold",
    "subject_id": "0154",
    "task_id": "anticipation"
  },
  "dummy_trs": 0,
  "dvars_nstd": 24.590283360251256,
  "dvars_std": 1.200644454572864,
  "dvars_vstd": 1.0046295202512563,
  "efc": 0.44022177724285777,
  "fber": 106522.7109375,
  "fd_mean": 0.17586153411906483,
  "fd_num": 50,
  "fd_perc": 25.0,
  "fwhm_avg": 1.829156473132911,
  "fwhm_x": 1.7739766666666668,
  "fwhm_y": 1.9515533333333333,
  "fwhm_z": 1.761939419398733,
  "gcor": 0.0216223,
  "gsr_x": -0.011569758877158165,
  "gsr_y": 0.01706162467598915,
  "provenance": {
    "md5sum": "23648c946a2341caf977d41a108a9305",
    "settings": {
      "fd_thres": 0.2,
      "testing": false
    },
    "software": "mriqc",
    "version": "22.0.0rc1",
    "webapi_port": null,
    "webapi_url": "https://mriqc.nimh.nih.gov/api/v1"
  },
  "size_t": 200,
  "size_x": 80,
  "size_y": 80,
  "size_z": 37,
  "snr": 4.463157680645165,
  "spacing_tr": 2.0,
  "spacing_x": 3.0,
  "spacing_y": 3.0,
  "spacing_z": 3.299999952316284,
  "summary_bg_k": 59.59629887738249,
  "summary_bg_mad": 80.09571650133007,
  "summary_bg_mean": 571.4589233398438,
  "summary_bg_median": 67.63682556152344,
  "summary_bg_n": 156917.0,
  "summary_bg_p05": 4.357318305969239,
  "summary_bg_p95": 2910.5639160156165,
  "summary_bg_stdv": 1487.5411376953125,
  "summary_fg_k": 2.3185842064795104,
  "summary_fg_mad": 4348.666319276617,
  "summary_fg_mean": 23217.6640625,
  "summary_fg_median": 22417.75,
  "summary_fg_n": 38410.0,
  "summary_fg_p05": 16890.64150390625,
  "summary_fg_p95": 32209.37978515623,
  "summary_fg_stdv": 5022.77978515625,
  "tsnr": 78.20149230957031
}