{
  "aor": 0.0008244897959183673,
  "aqi": 0.0030427970612244898,
  "bids_meta": {
    "AcquisitionNumber": 3,
    "BidsifyVersion": "0.3.5",
    "ConversionSoftware": "dcm2niix",
    "ConversionSoftwareVersion": "v1.0.20181125  GCC6.3.0",
    "EchoTime": 0.02762,
    "EffectiveEchoSpacing": 0.0006621159151938905,
    "ImageComments": "piop",
    "ImageOrientationPatientDICOM": [
      0.997272,
      0.0676723,
      0.0294729,
      -0.057677,
      0.963626,
      -0.260956
    ],
    "Manufacturer": "Philips",
    "NumberOfVolumesDiscardedByScanner": 2,
    "ParallelAcquisitionTechnique": "SENSE",
    "ParallelReductionFactorInPlane": 2,
    "PatientPosition": "HFS",
    "PhaseEncodingDirection": "j",
    "PhilipsRescaleIntercept": 0,
    "PhilipsRescaleSlope": 0.8022,
    "PhilipsScaleSlope": 0.0549758,
    "ProtocolName": "WIPpiopgstroopSENSE",
    "PulseSequenceType": "gradient echo EPI",
    "ReconMatrixPE": 80,
    "RepetitionTime": 2,
    "SeriesDescription": "ImageMRSERIES",
    "SeriesNumber": 3,
    "SliceEncodingDirection": "k",
    "SliceTiming": [
      0.0,
      0.0541,
      0.1081,
      0.1622,
      0.2162,
      0.2703,
      0.3243,
      0.3784,
      0.4324,
      0.4865,
      0.5405,
      0.5946,
      0.6486,
      0.7027,
      0.7568,
      0.8108,
      0.8649,
      0.9189,
      0.973,
      1.027,
      1.0811,
      1.1351,
      1.1892,
      1.2432,
      1.2973,
      1.3514,
      1.4054,
      1.4595,
      1.5135,
      1.5676,
      1.6216,
      1.6757,
      1.7297,
      1.7838,
      1.8378,
      1.8919,
      1.9459
    ],
    "TaskName": "gstroop",
    "TotalReadoutTime": 0.025822520692561732,
    "UsePhilipsFloatNotDisplayScaling": 1,
    "acq_id": "seq",
    "dataset": "ds002785",
    "modality": "bold",
    "subject_id": "0154",
    "task_id": "gstroop"
  },
  "dummy_trs": 0,
  "dvars_nstd": 21.142657279877042,
  "dvars_std": 1.155666427336066,
  "dvars_vstd": 1.001309006106558,
  "efc": 0.43908287180514005,
  "fber": 114451.2109375,
  "fd_mean": 0.11734969207270504,
  "fd_num": 14,
  "fd_perc": 5.714285714285714,
  "fwhm_avg": 1.8075759679922492,
  "fwhm_x": 1.75195,
  "fwhm_y": 1.9275566666666668,
  "fwhm_z": 1.7432212373100806,
  "gcor": 0.020566,
  "gsr_x": -0.010450306348502636,
  "gsr_y": 0.016157332807779312,
  "provenance": {
    "md5sum": "924d21dd79028e15339eeede0c54804c",
    "settings": {
      "fd_thres": 0.2,
      "testing": false
    },
    "software": "mriqc",
    "version": "22.0.0rc1",
    "webapi_port": null,
    "webapi_url": "https://mriqc.nimh.nih.gov/api/v1"
  },
  "size_t": 245,
  "size_x": 80,
  "size_y": 80,
  "size_z": 37,
  "snr": 4.514941584089016,
  "spacing_tr": 2.0,
  "spacing_x": 3.0,
  "spacing_y": 3.0,
  "spacing_z": 3.299999952316284,
  "summary_bg_k": 64.50061706086167,
  "summary_bg_mad": 78.27464878135572,
  "summary_bg_mean": 574.3867797851562,
  "summary_bg_median": 66.54191589355469,
  "summary_bg_n": 157109.0,
  "summary_bg_p05": 4.447752475738525,
  "summary_bg_p95": 2918.056933593751,
  "summary_bg_stdv": 1534.966796875,
  "summary_fg_k": 2.403464544798611,
  "summary_fg_mad": 4365.099459100874,
  "summary_fg_mean": 23674.357421875,
  "summary_fg_median": 22880.91796875,
  "summary_fg_n": 38326.0,
  "summary_fg_p05": 17380.4150390625,
  "summary_fg_p95": 32833.3251953125,
  "summary_fg_stdv": 5067.75537109375,
  "tsnr": 79.87621307373047
}