{
  "bids_meta": {
    "AcquisitionNumber": 4,
    "BidsifyVersion": "0.3.5",
    "ConversionSoftware": "dcm2niix",
    "ConversionSoftwareVersion": "v1.0.20181125  GCC6.3.0",
    "EchoTime": 0.00374,
    "ImageComments": "piop",
    "ImageOrientationPatientDICOM": [
      0.999561,
      0.0183721,
      0.0232483,
      -0.0179709,
      0.999688,
      -0.0173496
    ],
    "Manufacturer": "Philips",
    "PatientPosition": "HFS",
    "PhilipsRescaleIntercept": 0,
    "PhilipsRescaleSlope": 8.93016,
    "PhilipsScaleSlope": 0.00732347,
    "ProtocolName": "WIPt13dSENSE",
    "ReconMatrixPE": 240,
    "RepetitionTime": 0.008178,
    "SeriesDescription": "ImageMRSERIES",
    "SeriesNumber": 4,
    "UsePhilipsFloatNotDisplayScaling": 1,
    "dataset": "ds002785",
    "modality": "T1w",
    "subject_id": "0024"
  },
  "cjv": 0.34105080714426733,
  "cnr": 3.733471929781821,
  "efc": 0.7699452479678756,
  "fber": 1464.91162109375,
  "fwhm_avg": 4.295463423058595,
  "fwhm_x": 4.01615,
  "fwhm_y": 4.35422,
  "fwhm_z": 4.516020269175784,
  "icvs_csf": 0.24625509224110811,
  "icvs_gm": 0.40721650280886884,
  "icvs_wm": 0.346528404950023,
  "inu_med": 1.750702142715454,
  "inu_range": 0.5172289609909058,
  "provenance": {
    "md5sum": "54689191fb4c5c0568d2fae8cf34d6f0",
    "settings": {
      "testing": false
    },
    "software": "mriqc",
    "version": "22.0.0rc1",
    "warnings": {
      "large_rot_frame": true,
      "small_air_mask": true
    },
    "webapi_port": null,
    "webapi_url": "https://mriqc.nimh.nih.gov/api/v1"
  },
  "qi_1": 0.0,
  "qi_2": 0.000138099816701718,
  "rpve_csf": 22.1304833998843,
  "rpve_gm": 13.24799909003643,
  "rpve_wm": 19.475596245671476,
  "size_x": 240,
  "size_y": 240,
  "size_z": 220,
  "snr_csf": 2.5231961718446,
  "snr_gm": 7.805671829317927,
  "snr_total": 9.628216046160352,
  "snr_wm": 18.55578013731853,
  "snrd_csf": 21.39537316543073,
  "snrd_gm": 46.245934952427675,
  "snrd_total": 46.892094362017325,
  "snrd_wm": 73.03497496819357,
  "spacing_x": 1.0,
  "spacing_y": 1.0,
  "spacing_z": 0.9999999403953552,
  "summary_bg_k": 2.311919770406206,
  "summary_bg_mad": 8.970121221291306,
  "summary_bg_mean": 14.969799041748047,
  "summary_bg_median": 11.897624969482422,
  "summary_bg_n": 178457.0,
  "summary_bg_p05": 0.0,
  "summary_bg_p95": 41.248731994628905,
  "summary_bg_stdv": 12.947096824645996,
  "summary_csf_k": -0.8193882971055753,
  "summary_csf_mad": 135.5367773753145,
  "summary_csf_mean": 280.86248779296875,
  "summary_csf_median": 292.94525146484375,
  "summary_csf_n": 16320.0,
  "summary_csf_p05": 89.6806137084961,
  "summary_csf_p95": 453.747329711914,
  "summary_csf_stdv": 116.09730529785156,
  "summary_gm_k": 0.3993802082654909,
  "summary_gm_mad": 77.424792576499,
  "summary_gm_mean": 638.6934204101562,
  "summary_gm_median": 633.1989135742188,
  "summary_gm_n": 22253.0,
  "summary_gm_p05": 516.441845703125,
  "summary_gm_p95": 783.5359497070312,
  "summary_gm_stdv": 81.11853790283203,
  "summary_wm_k": 1.3320678091273832,
  "summary_wm_mad": 47.67103648192405,
  "summary_wm_mean": 997.7046508789062,
  "summary_wm_median": 999.9942016601562,
  "summary_wm_n": 213683.0,
  "summary_wm_p05": 905.2735595703125,
  "summary_wm_p95": 1080.2216674804688,
  "summary_wm_stdv": 53.8911247253418,
  "tpm_overlap_csf": 0.16680945456027985,
  "tpm_overlap_gm": 0.45632848143577576,
  "tpm_overlap_wm": 0.5136845707893372,
  "wm2max": 0.7999789436742942
}