{
  "aor": 0.0013654693877551021,
  "aqi": 0.0034304226122448987,
  "bids_meta": {
    "AcquisitionNumber": 3,
    "BidsifyVersion": "0.3.5",
    "ConversionSoftware": "dcm2niix",
    "ConversionSoftwareVersion": "v1.0.20181125  GCC6.3.0",
    "EchoTime": 0.02762,
    "EffectiveEchoSpacing": 0.0006621159151938905,
    "ImageComments": "piop",
    "ImageOrientationPatientDICOM": [
      0.99593,
      0.0849604,
      0.0300828,
      -0.0771572,
      0.976209,
      -0.202639
    ],
    "Manufacturer": "Philips",
    "NumberOfVolumesDiscardedByScanner": 2,
    "ParallelAcquisitionTechnique": "SENSE",
    "ParallelReductionFactorInPlane": 2,
    "PatientPosition": "HFS",
    "PhaseEncodingDirection": "j",
    "PhilipsRescaleIntercept": 0,
    "PhilipsRescaleSlope": 0.75629,
    "PhilipsScaleSlope": 0.0627971,
    "ProtocolName": "WIPpiopgstroopSENSE",
    "PulseSequenceType": "gradient echo EPI",
    "ReconMatrixPE": 80,
    "RepetitionTime": 2,
    "SeriesDescription": "ImageMRSERIES",
    "SeriesNumber": 3,
    "SliceEncodingDirection": "k",
    "SliceTiming": [
      0.0,
      0.0541,
      0.1081,
      0.1622,
      0.2162,
      0.2703,
      0.3243,
      0.3784,
      0.4324,
      0.4865,
      0.5405,
      0.5946,
      0.6486,
      0.7027,
      0.7568,
      0.8108,
      0.8649,
      0.9189,
      0.973,
      1.027,
      1.0811,
      1.1351,
      1.1892,
      1.2432,
      1.2973,
      1.3514,
      1.4054,
      1.4595,
      1.5135,
      1.5676,
      1.6216,
      1.6757,
      1.7297,
      1.7838,
      1.8378,
      1.8919,
      1.9459
    ],
    "TaskName": "gstroop",
    "TotalReadoutTime": 0.025822520692561732,
    "UsePhilipsFloatNotDisplayScaling": 1,
    "acq_id": "seq",
    "dataset": "ds002785",
    "modality": "bold",
    "subject_id": "0194",
    "task_id": "gstroop"
  },
  "dummy_trs": 0,
  "dvars_nstd": 23.841995348565572,
  "dvars_std": 1.3118909383196713,
  "dvars_vstd": 1.0150041022540988,
  "efc": 0.4056259231637819,
  "fber": 147621.484375,
  "fd_mean": 0.11122730300157209,
  "fd_num": 19,
  "fd_perc": 7.755102040816326,
  "fwhm_avg": 1.9013612207914459,
  "fwhm_x": 1.8675166666666667,
  "fwhm_y": 2.03647,
  "fwhm_z": 1.8000969957076707,
  "gcor": 0.0218904,
  "gsr_x": -0.02438078075647354,
  "gsr_y": 0.02003341168165207,
  "provenance": {
    "md5sum": "5b3636042aaba1b5318064bdf378cc2c",
    "settings": {
      "fd_thres": 0.2,
      "testing": false
    },
    "software": "mriqc",
    "version": "22.0.0rc1",
    "webapi_port": null,
    "webapi_url": "https://mriqc.nimh.nih.gov/api/v1"
  },
  "size_t": 245,
  "size_x": 80,
  "size_y": 80,
  "size_z": 37,
  "snr": 4.818521819612661,
  "spacing_tr": 2.0,
  "spacing_x": 3.0,
  "spacing_y": 3.0,
  "spacing_z": 3.299999952316284,
  "summary_bg_k": 88.87766302135513,
  "summary_bg_mad": 54.73166486179714,
  "summary_bg_mean": 477.9786682128906,
  "summary_bg_median": 55.0881462097168,
  "summary_bg_n": 163951.0,
  "summary_bg_p05": 4.505268335342407,
  "summary_bg_p95": 2431.403564453125,
  "summary_bg_stdv": 1563.3260498046875,
  "summary_fg_k": 1.1239730106919579,
  "summary_fg_mad": 4288.956831492271,
  "summary_fg_mean": 22142.177734375,
  "summary_fg_median": 21647.34765625,
  "summary_fg_n": 32212.0,
  "summary_fg_p05": 15678.795849609376,
  "summary_fg_p95": 29739.76103515625,
  "summary_fg_stdv": 4492.458984375,
  "tsnr": 83.0899658203125
}