{
  "bids_meta": {
    "AcquisitionNumber": 4,
    "BidsifyVersion": "0.3.5",
    "ConversionSoftware": "dcm2niix",
    "ConversionSoftwareVersion": "v1.0.20181125  GCC6.3.0",
    "EchoTime": 0.004,
    "ImageComments": "piop",
    "ImageOrientationPatientDICOM": [
      0.987411,
      0.156786,
      -0.0209072,
      -0.152859,
      0.911892,
      -0.380903
    ],
    "Manufacturer": "Philips",
    "PatientPosition": "HFS",
    "PhilipsRescaleIntercept": 0,
    "PhilipsRescaleSlope": 9.71526,
    "PhilipsScaleSlope": 0.00714444,
    "ProtocolName": "WIPt13dSENSE",
    "ReconMatrixPE": 240,
    "RepetitionTime": 0.008561,
    "SeriesDescription": "ImageMRSERIES",
    "SeriesNumber": 4,
    "UsePhilipsFloatNotDisplayScaling": 1,
    "dataset": "ds002785",
    "modality": "T1w",
    "subject_id": "0167"
  },
  "cjv": 0.30664207669628846,
  "cnr": 4.183357636605903,
  "efc": 0.7737362829271613,
  "fber": 567.2427978515625,
  "fwhm_avg": 3.4685735400764273,
  "fwhm_x": 3.371540200959456,
  "fwhm_y": 3.5526002117514737,
  "fwhm_z": 3.4815802075183515,
  "icvs_csf": 0.20972872729212047,
  "icvs_gm": 0.44528927463910206,
  "icvs_wm": 0.34498199806877744,
  "inu_med": 1.8761451244354248,
  "inu_range": 0.5516738533973691,
  "provenance": {
    "md5sum": "ca9035d3f10ec7ada46ca81ed4ef3477",
    "settings": {
      "testing": false
    },
    "software": "mriqc",
    "version": "22.0.0rc1",
    "warnings": {
      "large_rot_frame": true,
      "small_air_mask": true
    },
    "webapi_port": null,
    "webapi_url": "https://mriqc.nimh.nih.gov/api/v1"
  },
  "qi_1": 0.0,
  "qi_2": 0.00012422303059141945,
  "rpve_csf": 26.002158651577492,
  "rpve_gm": 13.364061232483524,
  "rpve_wm": 20.87555401593179,
  "size_x": 240,
  "size_y": 240,
  "size_z": 220,
  "snr_csf": 3.0095666683343945,
  "snr_gm": 8.040610763419949,
  "snr_total": 9.503666026126476,
  "snr_wm": 17.460820646625084,
  "snrd_csf": 21.721768551035236,
  "snrd_gm": 39.29935155779595,
  "snrd_total": 42.0950994945897,
  "snrd_wm": 65.26417837493788,
  "spacing_x": 0.9999999403953552,
  "spacing_y": 0.9999999403953552,
  "spacing_z": 0.9999999403953552,
  "summary_bg_k": 4.075288054905779,
  "summary_bg_mad": 10.038170326333423,
  "summary_bg_mean": 15.931841850280762,
  "summary_bg_median": 13.442255020141602,
  "summary_bg_n": 151130.0,
  "summary_bg_p05": 0.0,
  "summary_bg_p95": 40.19367351531982,
  "summary_bg_stdv": 12.498619079589844,
  "summary_csf_k": 0.5655535249983035,
  "summary_csf_mad": 95.8586174043867,
  "summary_csf_mean": 317.4587097167969,
  "summary_csf_median": 332.82659912109375,
  "summary_csf_n": 3184.0,
  "summary_csf_p05": 92.93806800842286,
  "summary_csf_p95": 467.79052276611327,
  "summary_csf_stdv": 110.57217407226562,
  "summary_gm_k": 0.38237089404463287,
  "summary_gm_mad": 71.87245450746417,
  "summary_gm_mean": 602.7066650390625,
  "summary_gm_median": 602.1549072265625,
  "summary_gm_n": 13817.0,
  "summary_gm_p05": 481.6003662109375,
  "summary_gm_p95": 727.7968017578124,
  "summary_gm_stdv": 74.88648986816406,
  "summary_wm_k": 1.2057039819980835,
  "summary_wm_mad": 50.121981372562736,
  "summary_wm_mean": 995.71630859375,
  "summary_wm_median": 999.9947509765625,
  "summary_wm_n": 177260.0,
  "summary_wm_p05": 893.0542144775391,
  "summary_wm_p95": 1080.835888671875,
  "summary_wm_stdv": 57.27061462402344,
  "tpm_overlap_csf": 0.13907718658447266,
  "tpm_overlap_gm": 0.43601804971694946,
  "tpm_overlap_wm": 0.4788108468055725,
  "wm2max": 0.6116899964998229
}