{
  "bids_meta": {
    "AcquisitionNumber": 4,
    "BidsifyVersion": "0.3.5",
    "ConversionSoftware": "dcm2niix",
    "ConversionSoftwareVersion": "v1.0.20181125  GCC6.3.0",
    "EchoTime": 0.00376,
    "ImageComments": "PIOP",
    "ImageOrientationPatientDICOM": [
      0.994917,
      0.100486,
      -0.00653733,
      -0.100534,
      0.994906,
      -0.00740873
    ],
    "Manufacturer": "Philips",
    "PatientPosition": "HFS",
    "PhilipsRescaleIntercept": 0,
    "PhilipsRescaleSlope": 8.99072,
    "PhilipsScaleSlope": 0.00702694,
    "ProtocolName": "WIPt13dSENSE",
    "ReconMatrixPE": 240,
    "RepetitionTime": 0.00815,
    "SeriesDescription": "ImageMRSERIES",
    "SeriesNumber": 4,
    "UsePhilipsFloatNotDisplayScaling": 1,
    "dataset": "ds002785",
    "modality": "T1w",
    "subject_id": "0146"
  },
  "cjv": 0.32978182214286617,
  "cnr": 3.806973169689989,
  "efc": 0.7854277123673866,
  "fber": 362.0737609863281,
  "fwhm_avg": 3.4962333985602894,
  "fwhm_x": 3.52525,
  "fwhm_y": 3.68047,
  "fwhm_z": 3.282980195680868,
  "icvs_csf": 0.18630143548162365,
  "icvs_gm": 0.43864577580157627,
  "icvs_wm": 0.37505278871680003,
  "inu_med": 1.7908042669296265,
  "inu_range": 0.6142251014709474,
  "provenance": {
    "md5sum": "34b8f8648041b8b79c4296496413bd31",
    "settings": {
      "testing": false
    },
    "software": "mriqc",
    "version": "22.0.0rc1",
    "warnings": {
      "large_rot_frame": true,
      "small_air_mask": true
    },
    "webapi_port": null,
    "webapi_url": "https://mriqc.nimh.nih.gov/api/v1"
  },
  "qi_1": 0.0,
  "qi_2": 0.00021919230782010062,
  "rpve_csf": 26.700452786871306,
  "rpve_gm": 12.645341909440202,
  "rpve_wm": 18.393380022029586,
  "size_x": 240,
  "size_y": 240,
  "size_z": 220,
  "snr_csf": 1.5869266291468407,
  "snr_gm": 6.959270859365975,
  "snr_total": 9.105702621308911,
  "snr_wm": 18.770910375413916,
  "snrd_csf": 13.215825151711096,
  "snrd_gm": 38.50393757710083,
  "snrd_total": 38.34525309418225,
  "snrd_wm": 63.31599655373483,
  "spacing_x": 1.0,
  "spacing_y": 1.0,
  "spacing_z": 0.9999999403953552,
  "summary_bg_k": 1.3771499775754767,
  "summary_bg_mad": 10.347091623084312,
  "summary_bg_mean": 13.792558670043945,
  "summary_bg_median": 13.94279670715332,
  "summary_bg_n": 121478.0,
  "summary_bg_p05": 0.0,
  "summary_bg_p95": 35.05973892211914,
  "summary_bg_stdv": 11.06254768371582,
  "summary_csf_k": 1.6354051007188106,
  "summary_csf_mad": 142.40589316545433,
  "summary_csf_mean": 238.07554626464844,
  "summary_csf_median": 208.7280731201172,
  "summary_csf_n": 5977.0,
  "summary_csf_p05": 68.34827270507813,
  "summary_csf_p95": 455.61177978515616,
  "summary_csf_stdv": 131.5187530517578,
  "summary_gm_k": 0.5402112368070462,
  "summary_gm_mad": 81.53176541512119,
  "summary_gm_mean": 613.9664916992188,
  "summary_gm_median": 608.1234130859375,
  "summary_gm_n": 20538.0,
  "summary_gm_p05": 480.8822708129883,
  "summary_gm_p95": 768.8240417480467,
  "summary_gm_stdv": 87.3810806274414,
  "summary_wm_k": 1.0851501708598503,
  "summary_wm_mad": 47.70202960081066,
  "summary_wm_mean": 996.4886474609375,
  "summary_wm_median": 1000.0000610351562,
  "summary_wm_n": 220632.0,
  "summary_wm_p05": 902.3842834472656,
  "summary_wm_p95": 1076.3864624023438,
  "summary_wm_stdv": 53.2738037109375,
  "tpm_overlap_csf": 0.16758489608764648,
  "tpm_overlap_gm": 0.44978922605514526,
  "tpm_overlap_wm": 0.4933434724807739,
  "wm2max": 0.6740487616664534
}