{
  "bids_meta": {
    "AcquisitionNumber": 4,
    "BidsifyVersion": "0.3.5",
    "ConversionSoftware": "dcm2niix",
    "ConversionSoftwareVersion": "v1.0.20181125  GCC6.3.0",
    "EchoTime": 0.0038,
    "ImageComments": "piop",
    "ImageOrientationPatientDICOM": [
      0.999073,
      0.0430409,
      0.000633738,
      -0.042747,
      0.990304,
      0.132177
    ],
    "Manufacturer": "Philips",
    "PatientPosition": "HFS",
    "PhilipsRescaleIntercept": 0,
    "PhilipsRescaleSlope": 8.38217,
    "PhilipsScaleSlope": 0.00755009,
    "ProtocolName": "WIPt13dSENSE",
    "ReconMatrixPE": 240,
    "RepetitionTime": 0.008259,
    "SeriesDescription": "ImageMRSERIES",
    "SeriesNumber": 4,
    "UsePhilipsFloatNotDisplayScaling": 1,
    "dataset": "ds002785",
    "modality": "T1w",
    "subject_id": "0142"
  },
  "cjv": 0.32383598201521424,
  "cnr": 3.844088634959176,
  "efc": 0.7504567358585222,
  "fber": 688.9612426757812,
  "fwhm_avg": 3.5239999999999996,
  "fwhm_x": 3.51167,
  "fwhm_y": 3.71623,
  "fwhm_z": 3.3441,
  "icvs_csf": 0.21649924688534838,
  "icvs_gm": 0.4219233493903255,
  "icvs_wm": 0.3615774037243261,
  "inu_med": 1.4894534349441528,
  "inu_range": 0.3866963624954223,
  "provenance": {
    "md5sum": "63152ec1f93ca68b555c95dd6754540f",
    "settings": {
      "testing": false
    },
    "software": "mriqc",
    "version": "22.0.0rc1",
    "warnings": {
      "large_rot_frame": true,
      "small_air_mask": true
    },
    "webapi_port": null,
    "webapi_url": "https://mriqc.nimh.nih.gov/api/v1"
  },
  "qi_1": 0.0,
  "qi_2": 0.00020021333974013024,
  "rpve_csf": 28.200663632873624,
  "rpve_gm": 15.18427232044105,
  "rpve_wm": 22.813793652718672,
  "size_x": 240,
  "size_y": 240,
  "size_z": 220,
  "snr_csf": 3.617094892229365,
  "snr_gm": 7.156481687025776,
  "snr_total": 10.171274482358067,
  "snr_wm": 19.740246867819064,
  "snrd_csf": 25.25543316227022,
  "snrd_gm": 43.346380344482654,
  "snrd_total": 46.437265175713144,
  "snrd_wm": 70.70998202038655,
  "spacing_x": 1.0,
  "spacing_y": 1.0,
  "spacing_z": 1.0,
  "summary_bg_k": 237.3923511324302,
  "summary_bg_mad": 9.264958110856554,
  "summary_bg_mean": 15.247014999389648,
  "summary_bg_median": 12.462139129638672,
  "summary_bg_n": 166605.0,
  "summary_bg_p05": 0.0,
  "summary_bg_p95": 37.429874420166016,
  "summary_bg_stdv": 15.210000038146973,
  "summary_csf_k": 4.882861626495752,
  "summary_csf_mad": 79.68052606358108,
  "summary_csf_mean": 344.98956298828125,
  "summary_csf_median": 357.1630859375,
  "summary_csf_n": 2984.0,
  "summary_csf_p05": 154.12368316650392,
  "summary_csf_p95": 478.5555908203125,
  "summary_csf_stdv": 98.72653198242188,
  "summary_gm_k": 0.19253679075285124,
  "summary_gm_mad": 80.88633936998622,
  "summary_gm_mean": 617.394287109375,
  "summary_gm_median": 613.0057983398438,
  "summary_gm_n": 12096.0,
  "summary_gm_p05": 480.4097366333008,
  "summary_gm_p95": 767.2534027099609,
  "summary_gm_stdv": 85.65388488769531,
  "summary_wm_k": 1.3418224190704748,
  "summary_wm_mad": 44.43069459097203,
  "summary_wm_mean": 998.0028076171875,
  "summary_wm_median": 999.982666015625,
  "summary_wm_n": 176458.0,
  "summary_wm_p05": 912.1507080078125,
  "summary_wm_p95": 1076.4045166015626,
  "summary_wm_stdv": 50.65690612792969,
  "tpm_overlap_csf": 0.15222416818141937,
  "tpm_overlap_gm": 0.4422527849674225,
  "tpm_overlap_wm": 0.4947788417339325,
  "wm2max": 0.6638978919722763
}