{
  "aor": 0.00023735384615384612,
  "aqi": 0.006665811907692307,
  "bids_meta": {
    "AcquisitionNumber": 2,
    "BidsifyVersion": "0.3.5",
    "ConversionSoftware": "dcm2niix",
    "ConversionSoftwareVersion": "v1.0.20181125  GCC6.3.0",
    "EchoTime": 0.02762,
    "EffectiveEchoSpacing": 0.0006333282667071997,
    "ImageComments": "piop",
    "ImageOrientationPatientDICOM": [
      0.999376,
      -0.00744666,
      0.0345273,
      0.0174442,
      0.954047,
      -0.29915
    ],
    "Manufacturer": "Philips",
    "NumberOfVolumesDiscardedByScanner": 2,
    "ParallelAcquisitionTechnique": "SENSE",
    "ParallelReductionFactorInPlane": 2,
    "PatientPosition": "HFS",
    "PhaseEncodingDirection": "j",
    "PhilipsRescaleIntercept": 0,
    "PhilipsRescaleSlope": 0.77411,
    "PhilipsScaleSlope": 0.0777676,
    "ProtocolName": "WIPpiopfacesSENSE",
    "PulseSequenceType": "gradient echo EPI",
    "ReconMatrixPE": 80,
    "RepetitionTime": 0.75,
    "SeriesDescription": "ImageMRSERIES",
    "SeriesNumber": 2,
    "SliceEncodingDirection": "k",
    "SliceTiming": [
      0.0,
      0.06755050505050506,
      0.1351010101010101,
      0.20265151515151517,
      0.2702020202020202,
      0.3377525252525253,
      0.40530303030303033,
      0.47285353535353536,
      0.5404040404040404,
      0.6079545454545455,
      0.6755050505050506,
      0.7430555555555556,
      0.0,
      0.06755050505050506,
      0.1351010101010101,
      0.20265151515151517,
      0.2702020202020202,
      0.3377525252525253,
      0.40530303030303033,
      0.47285353535353536,
      0.5404040404040404,
      0.6079545454545455,
      0.6755050505050506,
      0.7430555555555556,
      0.0,
      0.06755050505050506,
      0.1351010101010101,
      0.20265151515151517,
      0.2702020202020202,
      0.3377525252525253,
      0.40530303030303033,
      0.47285353535353536,
      0.5404040404040404,
      0.6079545454545455,
      0.6755050505050506,
      0.7430555555555556
    ],
    "TaskName": "faces",
    "TotalReadoutTime": 0.024699802401580786,
    "UsePhilipsFloatNotDisplayScaling": 1,
    "acq_id": "mb3",
    "dataset": "ds002785",
    "modality": "bold",
    "subject_id": "0150",
    "task_id": "faces"
  },
  "dummy_trs": 5,
  "dvars_nstd": 27.32938058299385,
  "dvars_std": 1.0763871406172831,
  "dvars_vstd": 0.9840192456481467,
  "efc": 0.44664979443435104,
  "fber": 116153.8359375,
  "fd_mean": 0.10063718610407449,
  "fd_num": 5,
  "fd_perc": 1.5384615384615385,
  "fwhm_avg": 1.9798244535873557,
  "fwhm_x": 2.00089,
  "fwhm_y": 2.04035,
  "fwhm_z": 1.8982333607620667,
  "gcor": 0.00519119,
  "gsr_x": -0.028003141283988953,
  "gsr_y": 0.015113862231373787,
  "provenance": {
    "md5sum": "52add58c1cd32b86d253d2f3805d136f",
    "settings": {
      "fd_thres": 0.2,
      "testing": false
    },
    "software": "mriqc",
    "version": "22.0.0rc1",
    "webapi_port": null,
    "webapi_url": "https://mriqc.nimh.nih.gov/api/v1"
  },
  "size_t": 325,
  "size_x": 80,
  "size_y": 80,
  "size_z": 36,
  "snr": 5.047658926515099,
  "spacing_tr": 0.75,
  "spacing_x": 3.0,
  "spacing_y": 3.0,
  "spacing_z": 3.299999952316284,
  "summary_bg_k": 29.868072682884673,
  "summary_bg_mad": 56.41474533458254,
  "summary_bg_mean": 456.9244689941406,
  "summary_bg_median": 49.8048210144043,
  "summary_bg_n": 151367.0,
  "summary_bg_p05": 3.53024275302887,
  "summary_bg_p95": 2300.074560546874,
  "summary_bg_stdv": 1256.945556640625,
  "summary_fg_k": 0.5037623820692323,
  "summary_fg_mad": 3405.454768244814,
  "summary_fg_mean": 17951.318359375,
  "summary_fg_median": 17750.1171875,
  "summary_fg_n": 36944.0,
  "summary_fg_p05": 12653.56748046875,
  "summary_fg_p95": 24055.33779296875,
  "summary_fg_stdv": 3516.457275390625,
  "tsnr": 49.9429817199707
}