{
  "aor": 0.0009898518518518516,
  "aqi": 0.004738850296296296,
  "bids_meta": {
    "AcquisitionNumber": 5,
    "BidsifyVersion": "0.3.5",
    "ConversionSoftware": "dcm2niix",
    "ConversionSoftwareVersion": "v1.0.20181125  GCC6.3.0",
    "EchoTime": 0.02762,
    "EffectiveEchoSpacing": 0.0006621159151938905,
    "ImageComments": "piop",
    "ImageOrientationPatientDICOM": [
      0.999805,
      -0.0195836,
      -0.00239993,
      0.0190227,
      0.989079,
      -0.146155
    ],
    "Manufacturer": "Philips",
    "NumberOfVolumesDiscardedByScanner": 2,
    "ParallelAcquisitionTechnique": "SENSE",
    "ParallelReductionFactorInPlane": 2,
    "PatientPosition": "HFS",
    "PhaseEncodingDirection": "j",
    "PhilipsRescaleIntercept": 0,
    "PhilipsRescaleSlope": 0.82808,
    "PhilipsScaleSlope": 0.0557506,
    "ProtocolName": "WIPpiopharririSENSE",
    "PulseSequenceType": "gradient echo EPI",
    "ReconMatrixPE": 80,
    "RepetitionTime": 2,
    "SeriesDescription": "ImageMRSERIES",
    "SeriesNumber": 5,
    "SliceEncodingDirection": "k",
    "SliceTiming": [
      0.0,
      0.0541,
      0.1081,
      0.1622,
      0.2162,
      0.2703,
      0.3243,
      0.3784,
      0.4324,
      0.4865,
      0.5405,
      0.5946,
      0.6486,
      0.7027,
      0.7568,
      0.8108,
      0.8649,
      0.9189,
      0.973,
      1.027,
      1.0811,
      1.1351,
      1.1892,
      1.2432,
      1.2973,
      1.3514,
      1.4054,
      1.4595,
      1.5135,
      1.5676,
      1.6216,
      1.6757,
      1.7297,
      1.7838,
      1.8378,
      1.8919,
      1.9459
    ],
    "TaskName": "emomatching",
    "TotalReadoutTime": 0.025822520692561732,
    "UsePhilipsFloatNotDisplayScaling": 1,
    "acq_id": "seq",
    "dataset": "ds002785",
    "modality": "bold",
    "subject_id": "0161",
    "task_id": "emomatching"
  },
  "dummy_trs": 0,
  "dvars_nstd": 23.402544192313446,
  "dvars_std": 1.2632711983582088,
  "dvars_vstd": 0.9955745244029849,
  "efc": 0.44194939284222645,
  "fber": 157813.015625,
  "fd_mean": 0.09961867938111259,
  "fd_num": 3,
  "fd_perc": 2.2222222222222223,
  "fwhm_avg": 1.817715563756673,
  "fwhm_x": 1.7565366666666666,
  "fwhm_y": 1.9939099999999998,
  "fwhm_z": 1.7027000246033526,
  "gcor": 0.00937692,
  "gsr_x": -0.01326887309551239,
  "gsr_y": 0.013581701554358006,
  "provenance": {
    "md5sum": "339d795b2aa17858ab0ab7f598135408",
    "settings": {
      "fd_thres": 0.2,
      "testing": false
    },
    "software": "mriqc",
    "version": "22.0.0rc1",
    "webapi_port": null,
    "webapi_url": "https://mriqc.nimh.nih.gov/api/v1"
  },
  "size_t": 135,
  "size_x": 80,
  "size_y": 80,
  "size_z": 37,
  "snr": 5.475572536848135,
  "spacing_tr": 2.0,
  "spacing_x": 3.0,
  "spacing_y": 3.0,
  "spacing_z": 3.299999952316284,
  "summary_bg_k": 61.086910493028526,
  "summary_bg_mad": 61.13582448401227,
  "summary_bg_mean": 649.405029296875,
  "summary_bg_median": 57.961090087890625,
  "summary_bg_n": 157446.0,
  "summary_bg_p05": 2.616385817527771,
  "summary_bg_p95": 3736.214599609375,
  "summary_bg_stdv": 1887.6685791015625,
  "summary_fg_k": 2.516579555842373,
  "summary_fg_mad": 3977.4424145735297,
  "summary_fg_mean": 24284.740234375,
  "summary_fg_median": 23923.98828125,
  "summary_fg_n": 37201.0,
  "summary_fg_p05": 18027.109375,
  "summary_fg_p95": 31290.962890625,
  "summary_fg_stdv": 4369.16259765625,
  "tsnr": 77.70579528808594
}