{
  "aor": 0.0017636401673640169,
  "aqi": 0.01270448880753138,
  "bids_meta": {
    "AcquisitionNumber": 6,
    "BidsifyVersion": "0.3.5",
    "ConversionSoftware": "dcm2niix",
    "ConversionSoftwareVersion": "v1.0.20181125  GCC6.3.0",
    "EchoTime": 0.02762,
    "EffectiveEchoSpacing": 0.0006333282667071997,
    "ImageComments": "Piop",
    "ImageOrientationPatientDICOM": [
      0.99796,
      -0.0260972,
      0.0582629,
      0.0502052,
      0.88455,
      -0.463736
    ],
    "Manufacturer": "Philips",
    "NumberOfVolumesDiscardedByScanner": 2,
    "ParallelAcquisitionTechnique": "SENSE",
    "ParallelReductionFactorInPlane": 2,
    "PatientPosition": "HFS",
    "PhaseEncodingDirection": "j",
    "PhilipsRescaleIntercept": 0,
    "PhilipsRescaleSlope": 0.79634,
    "PhilipsScaleSlope": 0.0924999,
    "ProtocolName": "WIPpioprsSENSE",
    "PulseSequenceType": "gradient echo EPI",
    "ReconMatrixPE": 80,
    "RepetitionTime": 0.75,
    "SeriesDescription": "ImageMRSERIES",
    "SeriesNumber": 6,
    "SliceEncodingDirection": "k",
    "SliceTiming": [
      0.0,
      0.06755050505050506,
      0.1351010101010101,
      0.20265151515151517,
      0.2702020202020202,
      0.3377525252525253,
      0.40530303030303033,
      0.47285353535353536,
      0.5404040404040404,
      0.6079545454545455,
      0.6755050505050506,
      0.7430555555555556,
      0.0,
      0.06755050505050506,
      0.1351010101010101,
      0.20265151515151517,
      0.2702020202020202,
      0.3377525252525253,
      0.40530303030303033,
      0.47285353535353536,
      0.5404040404040404,
      0.6079545454545455,
      0.6755050505050506,
      0.7430555555555556,
      0.0,
      0.06755050505050506,
      0.1351010101010101,
      0.20265151515151517,
      0.2702020202020202,
      0.3377525252525253,
      0.40530303030303033,
      0.47285353535353536,
      0.5404040404040404,
      0.6079545454545455,
      0.6755050505050506,
      0.7430555555555556
    ],
    "TaskName": "restingstate",
    "TotalReadoutTime": 0.024699802401580786,
    "UsePhilipsFloatNotDisplayScaling": 1,
    "acq_id": "mb3",
    "dataset": "ds002785",
    "modality": "bold",
    "subject_id": "0114",
    "task_id": "restingstate"
  },
  "dummy_trs": 2,
  "dvars_nstd": 31.024154323396225,
  "dvars_std": 1.185068364402515,
  "dvars_vstd": 1.0264098907337522,
  "efc": 0.4324463618574104,
  "fber": 152663.375,
  "fd_mean": 0.13908990000147936,
  "fd_num": 77,
  "fd_perc": 16.10878661087866,
  "fwhm_avg": 1.7158784929795,
  "fwhm_x": 1.7056666666666667,
  "fwhm_y": 1.7538233333333333,
  "fwhm_z": 1.6881454789384998,
  "gcor": 0.0421562,
  "gsr_x": -0.0164775550365448,
  "gsr_y": 0.007251080125570297,
  "provenance": {
    "md5sum": "e6b56805a5f55a6f162605a51d395551",
    "settings": {
      "fd_thres": 0.2,
      "testing": false
    },
    "software": "mriqc",
    "version": "22.0.0rc1",
    "webapi_port": null,
    "webapi_url": "https://mriqc.nimh.nih.gov/api/v1"
  },
  "size_t": 478,
  "size_x": 80,
  "size_y": 80,
  "size_z": 36,
  "snr": 7.003701969014822,
  "spacing_tr": 0.75,
  "spacing_x": 3.0,
  "spacing_y": 3.0,
  "spacing_z": 3.299999952316284,
  "summary_bg_k": 50.18884007388174,
  "summary_bg_mad": 44.036242819795554,
  "summary_bg_mean": 335.07476806640625,
  "summary_bg_median": 40.155426025390625,
  "summary_bg_n": 153778.0,
  "summary_bg_p05": 2.9957907795906067,
  "summary_bg_p95": 1765.0187133789063,
  "summary_bg_stdv": 951.9138793945312,
  "summary_fg_k": 1.465642761210309,
  "summary_fg_mad": 2133.8352429841875,
  "summary_fg_mean": 16330.158203125,
  "summary_fg_median": 16208.279296875,
  "summary_fg_n": 35427.0,
  "summary_fg_p05": 12875.04140625,
  "summary_fg_p95": 20186.435742187496,
  "summary_fg_stdv": 2314.2119140625,
  "tsnr": 47.65229797363281
}