{
  "aor": 0.0029768148148148154,
  "aqi": 0.005010386148148149,
  "bids_meta": {
    "AcquisitionNumber": 5,
    "BidsifyVersion": "0.3.5",
    "ConversionSoftware": "dcm2niix",
    "ConversionSoftwareVersion": "v1.0.20181125  GCC6.3.0",
    "EchoTime": 0.02762,
    "EffectiveEchoSpacing": 0.0006621159151938905,
    "ImageComments": "Piop",
    "ImageOrientationPatientDICOM": [
      0.99796,
      -0.0260972,
      0.0582629,
      0.0502052,
      0.88455,
      -0.463736
    ],
    "Manufacturer": "Philips",
    "NumberOfVolumesDiscardedByScanner": 2,
    "ParallelAcquisitionTechnique": "SENSE",
    "ParallelReductionFactorInPlane": 2,
    "PatientPosition": "HFS",
    "PhaseEncodingDirection": "j",
    "PhilipsRescaleIntercept": 0,
    "PhilipsRescaleSlope": 0.76313,
    "PhilipsScaleSlope": 0.0598576,
    "ProtocolName": "WIPpiopharririSENSE",
    "PulseSequenceType": "gradient echo EPI",
    "ReconMatrixPE": 80,
    "RepetitionTime": 2,
    "SeriesDescription": "ImageMRSERIES",
    "SeriesNumber": 5,
    "SliceEncodingDirection": "k",
    "SliceTiming": [
      0.0,
      0.0541,
      0.1081,
      0.1622,
      0.2162,
      0.2703,
      0.3243,
      0.3784,
      0.4324,
      0.4865,
      0.5405,
      0.5946,
      0.6486,
      0.7027,
      0.7568,
      0.8108,
      0.8649,
      0.9189,
      0.973,
      1.027,
      1.0811,
      1.1351,
      1.1892,
      1.2432,
      1.2973,
      1.3514,
      1.4054,
      1.4595,
      1.5135,
      1.5676,
      1.6216,
      1.6757,
      1.7297,
      1.7838,
      1.8378,
      1.8919,
      1.9459
    ],
    "TaskName": "emomatching",
    "TotalReadoutTime": 0.025822520692561732,
    "UsePhilipsFloatNotDisplayScaling": 1,
    "acq_id": "seq",
    "dataset": "ds002785",
    "modality": "bold",
    "subject_id": "0114",
    "task_id": "emomatching"
  },
  "dummy_trs": 0,
  "dvars_nstd": 28.933641476119398,
  "dvars_std": 1.4560387870895515,
  "dvars_vstd": 1.0387117452238808,
  "efc": 0.42463792477975676,
  "fber": 175968.75,
  "fd_mean": 0.21746582096039452,
  "fd_num": 64,
  "fd_perc": 47.407407407407405,
  "fwhm_avg": 1.727283139600173,
  "fwhm_x": 1.7063966666666666,
  "fwhm_y": 1.7549133333333333,
  "fwhm_z": 1.7205394188005192,
  "gcor": 0.0715127,
  "gsr_x": -0.015715887770056725,
  "gsr_y": 0.006680609658360481,
  "provenance": {
    "md5sum": "d74213ef2d2baddb45774940ee0721d3",
    "settings": {
      "fd_thres": 0.2,
      "testing": false
    },
    "software": "mriqc",
    "version": "22.0.0rc1",
    "webapi_port": null,
    "webapi_url": "https://mriqc.nimh.nih.gov/api/v1"
  },
  "size_t": 135,
  "size_x": 80,
  "size_y": 80,
  "size_z": 37,
  "snr": 5.383274275543681,
  "spacing_tr": 2.0,
  "spacing_x": 3.0,
  "spacing_y": 3.0,
  "spacing_z": 3.299999952316284,
  "summary_bg_k": 86.11935015290724,
  "summary_bg_mad": 52.92178124631154,
  "summary_bg_mean": 452.35467529296875,
  "summary_bg_median": 52.09407043457031,
  "summary_bg_n": 158934.0,
  "summary_bg_p05": 4.34905390739441,
  "summary_bg_p95": 2397.763610839844,
  "summary_bg_stdv": 1400.5589599609375,
  "summary_fg_k": 1.8700844189826613,
  "summary_fg_mad": 3833.296993020814,
  "summary_fg_mean": 23020.212890625,
  "summary_fg_median": 22502.3515625,
  "summary_fg_n": 36015.0,
  "summary_fg_p05": 17279.493359375,
  "summary_fg_p95": 30329.20878906249,
  "summary_fg_stdv": 4179.9912109375,
  "tsnr": 75.47406005859375
}