{
  "aor": 0.0009682857142857143,
  "aqi": 0.006552993224489796,
  "bids_meta": {
    "AcquisitionNumber": 3,
    "BidsifyVersion": "0.3.5",
    "ConversionSoftware": "dcm2niix",
    "ConversionSoftwareVersion": "v1.0.20181125  GCC6.3.0",
    "EchoTime": 0.02762,
    "EffectiveEchoSpacing": 0.0006621159151938905,
    "ImageComments": "Piop",
    "ImageOrientationPatientDICOM": [
      0.99796,
      -0.0260972,
      0.0582629,
      0.0502052,
      0.88455,
      -0.463736
    ],
    "Manufacturer": "Philips",
    "NumberOfVolumesDiscardedByScanner": 2,
    "ParallelAcquisitionTechnique": "SENSE",
    "ParallelReductionFactorInPlane": 2,
    "PatientPosition": "HFS",
    "PhaseEncodingDirection": "j",
    "PhilipsRescaleIntercept": 0,
    "PhilipsRescaleSlope": 0.84371,
    "PhilipsScaleSlope": 0.0570638,
    "ProtocolName": "WIPpiopgstroopSENSE",
    "PulseSequenceType": "gradient echo EPI",
    "ReconMatrixPE": 80,
    "RepetitionTime": 2,
    "SeriesDescription": "ImageMRSERIES",
    "SeriesNumber": 3,
    "SliceEncodingDirection": "k",
    "SliceTiming": [
      0.0,
      0.0541,
      0.1081,
      0.1622,
      0.2162,
      0.2703,
      0.3243,
      0.3784,
      0.4324,
      0.4865,
      0.5405,
      0.5946,
      0.6486,
      0.7027,
      0.7568,
      0.8108,
      0.8649,
      0.9189,
      0.973,
      1.027,
      1.0811,
      1.1351,
      1.1892,
      1.2432,
      1.2973,
      1.3514,
      1.4054,
      1.4595,
      1.5135,
      1.5676,
      1.6216,
      1.6757,
      1.7297,
      1.7838,
      1.8378,
      1.8919,
      1.9459
    ],
    "TaskName": "gstroop",
    "TotalReadoutTime": 0.025822520692561732,
    "UsePhilipsFloatNotDisplayScaling": 1,
    "acq_id": "seq",
    "dataset": "ds002785",
    "modality": "bold",
    "subject_id": "0114",
    "task_id": "gstroop"
  },
  "dummy_trs": 0,
  "dvars_nstd": 27.6847353445492,
  "dvars_std": 1.3248871358196725,
  "dvars_vstd": 0.9958199231967209,
  "efc": 0.4238297203122606,
  "fber": 178523.078125,
  "fd_mean": 0.23093308861407646,
  "fd_num": 134,
  "fd_perc": 54.69387755102041,
  "fwhm_avg": 1.7009684929847981,
  "fwhm_x": 1.6874533333333332,
  "fwhm_y": 1.7262066666666664,
  "fwhm_z": 1.6892454789543945,
  "gcor": 0.0524723,
  "gsr_x": -0.015450657345354557,
  "gsr_y": 0.006312294863164425,
  "provenance": {
    "md5sum": "2879758976d25110346c3b6ae365c071",
    "settings": {
      "fd_thres": 0.2,
      "testing": false
    },
    "software": "mriqc",
    "version": "22.0.0rc1",
    "webapi_port": null,
    "webapi_url": "https://mriqc.nimh.nih.gov/api/v1"
  },
  "size_t": 245,
  "size_x": 80,
  "size_y": 80,
  "size_z": 37,
  "snr": 5.492249849539316,
  "spacing_tr": 2.0,
  "spacing_x": 3.0,
  "spacing_y": 3.0,
  "spacing_z": 3.299999952316284,
  "summary_bg_k": 91.93676696058884,
  "summary_bg_mad": 52.42508399600154,
  "summary_bg_mean": 446.6376647949219,
  "summary_bg_median": 52.113037109375,
  "summary_bg_n": 159050.0,
  "summary_bg_p05": 4.50191948413849,
  "summary_bg_p95": 2345.507592773434,
  "summary_bg_stdv": 1392.74072265625,
  "summary_fg_k": 2.1000201796428444,
  "summary_fg_mad": 3717.276130154106,
  "summary_fg_mean": 23221.958984375,
  "summary_fg_median": 22668.94921875,
  "summary_fg_n": 35926.0,
  "summary_fg_p05": 17679.443359375,
  "summary_fg_p95": 30434.9072265625,
  "summary_fg_stdv": 4127.3857421875,
  "tsnr": 67.8294677734375
}