{
  "aor": 0.0037641358024691355,
  "aqi": 0.007889679197530863,
  "bids_meta": {
    "AcquisitionNumber": 8,
    "BidsifyVersion": "0.3.5",
    "ConversionSoftware": "dcm2niix",
    "ConversionSoftwareVersion": "v1.0.20181125  GCC6.3.0",
    "EchoTime": 0.02762,
    "EffectiveEchoSpacing": 0.0006621159151938905,
    "ImageComments": "Piop",
    "ImageOrientationPatientDICOM": [
      0.99796,
      -0.0260972,
      0.0582629,
      0.0502052,
      0.88455,
      -0.463736
    ],
    "Manufacturer": "Philips",
    "NumberOfVolumesDiscardedByScanner": 2,
    "ParallelAcquisitionTechnique": "SENSE",
    "ParallelReductionFactorInPlane": 2,
    "PatientPosition": "HFS",
    "PhaseEncodingDirection": "j",
    "PhilipsRescaleIntercept": 0,
    "PhilipsRescaleSlope": 0.76947,
    "PhilipsScaleSlope": 0.062376,
    "ProtocolName": "WIPpiopwmSENSE",
    "PulseSequenceType": "gradient echo EPI",
    "ReconMatrixPE": 80,
    "RepetitionTime": 2,
    "SeriesDescription": "ImageMRSERIES",
    "SeriesNumber": 8,
    "SliceEncodingDirection": "k",
    "SliceTiming": [
      0.0,
      0.0541,
      0.1081,
      0.1622,
      0.2162,
      0.2703,
      0.3243,
      0.3784,
      0.4324,
      0.4865,
      0.5405,
      0.5946,
      0.6486,
      0.7027,
      0.7568,
      0.8108,
      0.8649,
      0.9189,
      0.973,
      1.027,
      1.0811,
      1.1351,
      1.1892,
      1.2432,
      1.2973,
      1.3514,
      1.4054,
      1.4595,
      1.5135,
      1.5676,
      1.6216,
      1.6757,
      1.7297,
      1.7838,
      1.8378,
      1.8919,
      1.9459
    ],
    "TaskName": "workingmemory",
    "TotalReadoutTime": 0.025822520692561732,
    "UsePhilipsFloatNotDisplayScaling": 1,
    "acq_id": "seq",
    "dataset": "ds002785",
    "modality": "bold",
    "subject_id": "0114",
    "task_id": "workingmemory"
  },
  "dummy_trs": 0,
  "dvars_nstd": 27.816516579937886,
  "dvars_std": 1.382968731925465,
  "dvars_vstd": 1.0379188595031048,
  "efc": 0.4257744787823546,
  "fber": 157808.078125,
  "fd_mean": 0.2282199304052317,
  "fd_num": 89,
  "fd_perc": 54.93827160493827,
  "fwhm_avg": 1.7219128365037666,
  "fwhm_x": 1.7122766666666667,
  "fwhm_y": 1.7466466666666667,
  "fwhm_z": 1.7068151761779666,
  "gcor": 0.063483,
  "gsr_x": -0.015436273999512196,
  "gsr_y": 0.006292093079537153,
  "provenance": {
    "md5sum": "6a0b5119568c25c47f48ca625b6b5a7a",
    "settings": {
      "fd_thres": 0.2,
      "testing": false
    },
    "software": "mriqc",
    "version": "22.0.0rc1",
    "webapi_port": null,
    "webapi_url": "https://mriqc.nimh.nih.gov/api/v1"
  },
  "size_t": 162,
  "size_x": 80,
  "size_y": 80,
  "size_z": 37,
  "snr": 5.378163917115377,
  "spacing_tr": 2.0,
  "spacing_x": 3.0,
  "spacing_y": 3.0,
  "spacing_z": 3.299999952316284,
  "summary_bg_k": 89.89679113830154,
  "summary_bg_mad": 57.924258685924315,
  "summary_bg_mean": 459.9066162109375,
  "summary_bg_median": 54.40275955200195,
  "summary_bg_n": 158881.0,
  "summary_bg_p05": 5.152493953704834,
  "summary_bg_p95": 2438.4482421875,
  "summary_bg_stdv": 1408.894775390625,
  "summary_fg_k": 1.9756392789265496,
  "summary_fg_mad": 3753.643320119363,
  "summary_fg_mean": 22771.884765625,
  "summary_fg_median": 22234.48828125,
  "summary_fg_n": 36118.0,
  "summary_fg_p05": 17157.95224609375,
  "summary_fg_p95": 30050.64521484375,
  "summary_fg_stdv": 4134.158203125,
  "tsnr": 60.97850799560547
}