{
  "aor": 0.0021058500000000003,
  "aqi": 0.005253313149999999,
  "bids_meta": {
    "AcquisitionNumber": 9,
    "BidsifyVersion": "0.3.5",
    "ConversionSoftware": "dcm2niix",
    "ConversionSoftwareVersion": "v1.0.20181125  GCC6.3.0",
    "EchoTime": 0.02762,
    "EffectiveEchoSpacing": 0.0006621159151938905,
    "ImageComments": "Piop",
    "ImageOrientationPatientDICOM": [
      0.99796,
      -0.0260972,
      0.0582629,
      0.0502052,
      0.88455,
      -0.463736
    ],
    "Manufacturer": "Philips",
    "NumberOfVolumesDiscardedByScanner": 2,
    "ParallelAcquisitionTechnique": "SENSE",
    "ParallelReductionFactorInPlane": 2,
    "PatientPosition": "HFS",
    "PhaseEncodingDirection": "j",
    "PhilipsRescaleIntercept": 0,
    "PhilipsRescaleSlope": 0.81368,
    "PhilipsScaleSlope": 0.0619658,
    "ProtocolName": "WIPpiopanticipatieSENSE",
    "PulseSequenceType": "gradient echo EPI",
    "ReconMatrixPE": 80,
    "RepetitionTime": 2,
    "SeriesDescription": "ImageMRSERIES",
    "SeriesNumber": 9,
    "SliceEncodingDirection": "k",
    "SliceTiming": [
      0.0,
      0.0541,
      0.1081,
      0.1622,
      0.2162,
      0.2703,
      0.3243,
      0.3784,
      0.4324,
      0.4865,
      0.5405,
      0.5946,
      0.6486,
      0.7027,
      0.7568,
      0.8108,
      0.8649,
      0.9189,
      0.973,
      1.027,
      1.0811,
      1.1351,
      1.1892,
      1.2432,
      1.2973,
      1.3514,
      1.4054,
      1.4595,
      1.5135,
      1.5676,
      1.6216,
      1.6757,
      1.7297,
      1.7838,
      1.8378,
      1.8919,
      1.9459
    ],
    "TaskName": "anticipation",
    "TotalReadoutTime": 0.025822520692561732,
    "UsePhilipsFloatNotDisplayScaling": 1,
    "acq_id": "seq",
    "dataset": "ds002785",
    "modality": "bold",
    "subject_id": "0114",
    "task_id": "anticipation"
  },
  "dummy_trs": 0,
  "dvars_nstd": 25.93439962829144,
  "dvars_std": 1.3169734025628141,
  "dvars_vstd": 1.011786258492462,
  "efc": 0.425339949788995,
  "fber": 171843.953125,
  "fd_mean": 0.21393654797255332,
  "fd_num": 97,
  "fd_perc": 48.5,
  "fwhm_avg": 1.6994187959591855,
  "fwhm_x": 1.6815733333333334,
  "fwhm_y": 1.7390466666666666,
  "fwhm_z": 1.6776363878775566,
  "gcor": 0.0702806,
  "gsr_x": -0.01617858186364174,
  "gsr_y": 0.0066167982295155525,
  "provenance": {
    "md5sum": "f248c3429e6c9775ac001a2459332f23",
    "settings": {
      "fd_thres": 0.2,
      "testing": false
    },
    "software": "mriqc",
    "version": "22.0.0rc1",
    "webapi_port": null,
    "webapi_url": "https://mriqc.nimh.nih.gov/api/v1"
  },
  "size_t": 200,
  "size_x": 80,
  "size_y": 80,
  "size_z": 37,
  "snr": 5.389858337788865,
  "spacing_tr": 2.0,
  "spacing_x": 3.0,
  "spacing_y": 3.0,
  "spacing_z": 3.299999952316284,
  "summary_bg_k": 96.36964930721727,
  "summary_bg_mad": 51.16446999152126,
  "summary_bg_mean": 454.59564208984375,
  "summary_bg_median": 51.07966613769531,
  "summary_bg_n": 159082.0,
  "summary_bg_p05": 4.671411037445068,
  "summary_bg_p95": 2429.413146972652,
  "summary_bg_stdv": 1403.7091064453125,
  "summary_fg_k": 2.168247242539592,
  "summary_fg_mad": 3597.4372770039995,
  "summary_fg_mean": 22314.083984375,
  "summary_fg_median": 21768.763671875,
  "summary_fg_n": 36012.0,
  "summary_fg_p05": 16882.06484375,
  "summary_fg_p95": 29317.53378906249,
  "summary_fg_stdv": 4038.78173828125,
  "tsnr": 73.94442749023438
}