{
  "aor": 0.0033025925925925918,
  "aqi": 0.003310367407407407,
  "bids_meta": {
    "AcquisitionNumber": 5,
    "BidsifyVersion": "0.3.5",
    "ConversionSoftware": "dcm2niix",
    "ConversionSoftwareVersion": "v1.0.20181125  GCC6.3.0",
    "EchoTime": 0.02762,
    "EffectiveEchoSpacing": 0.0006621159151938905,
    "ImageComments": "PIOP",
    "ImageOrientationPatientDICOM": [
      0.999644,
      -0.0266828,
      0.000811799,
      0.0261766,
      0.973809,
      -0.225857
    ],
    "Manufacturer": "Philips",
    "NumberOfVolumesDiscardedByScanner": 2,
    "ParallelAcquisitionTechnique": "SENSE",
    "ParallelReductionFactorInPlane": 2,
    "PatientPosition": "HFS",
    "PhaseEncodingDirection": "j",
    "PhilipsRescaleIntercept": 0,
    "PhilipsRescaleSlope": 0.83346,
    "PhilipsScaleSlope": 0.0538626,
    "ProtocolName": "WIPpiopharririSENSE",
    "PulseSequenceType": "gradient echo EPI",
    "ReconMatrixPE": 80,
    "RepetitionTime": 2,
    "SeriesDescription": "ImageMRSERIES",
    "SeriesNumber": 5,
    "SliceEncodingDirection": "k",
    "SliceTiming": [
      0.0,
      0.0541,
      0.1081,
      0.1622,
      0.2162,
      0.2703,
      0.3243,
      0.3784,
      0.4324,
      0.4865,
      0.5405,
      0.5946,
      0.6486,
      0.7027,
      0.7568,
      0.8108,
      0.8649,
      0.9189,
      0.973,
      1.027,
      1.0811,
      1.1351,
      1.1892,
      1.2432,
      1.2973,
      1.3514,
      1.4054,
      1.4595,
      1.5135,
      1.5676,
      1.6216,
      1.6757,
      1.7297,
      1.7838,
      1.8378,
      1.8919,
      1.9459
    ],
    "TaskName": "emomatching",
    "TotalReadoutTime": 0.025822520692561732,
    "UsePhilipsFloatNotDisplayScaling": 1,
    "acq_id": "seq",
    "dataset": "ds002785",
    "modality": "bold",
    "subject_id": "0072",
    "task_id": "emomatching"
  },
  "dummy_trs": 0,
  "dvars_nstd": 18.111510462014923,
  "dvars_std": 1.167415672462687,
  "dvars_vstd": 1.0266193990298509,
  "efc": 0.4208616821451712,
  "fber": 215360.5625,
  "fd_mean": 0.08526783065908383,
  "fd_num": 5,
  "fd_perc": 3.7037037037037037,
  "fwhm_avg": 1.9191989987209446,
  "fwhm_x": 1.88389,
  "fwhm_y": 2.04211,
  "fwhm_z": 1.8315969961628336,
  "gcor": 0.0194564,
  "gsr_x": -0.01757308654487133,
  "gsr_y": 0.012728322297334671,
  "provenance": {
    "md5sum": "3a55c4cb3b937c1d1537f36557065c61",
    "settings": {
      "fd_thres": 0.2,
      "testing": false
    },
    "software": "mriqc",
    "version": "22.0.0rc1",
    "webapi_port": null,
    "webapi_url": "https://mriqc.nimh.nih.gov/api/v1"
  },
  "size_t": 135,
  "size_x": 80,
  "size_y": 80,
  "size_z": 37,
  "snr": 4.818786560352682,
  "spacing_tr": 2.0,
  "spacing_x": 3.0,
  "spacing_y": 3.0,
  "spacing_z": 3.299999952316284,
  "summary_bg_k": 80.83510550204187,
  "summary_bg_mad": 53.641176498314785,
  "summary_bg_mean": 525.8119506835938,
  "summary_bg_median": 51.71604537963867,
  "summary_bg_n": 160137.0,
  "summary_bg_p05": 3.6513711452484134,
  "summary_bg_p95": 2808.8450683593705,
  "summary_bg_stdv": 1671.905517578125,
  "summary_fg_k": 1.8827179435422563,
  "summary_fg_mad": 4501.695771310535,
  "summary_fg_mean": 25285.439453125,
  "summary_fg_median": 24574.4140625,
  "summary_fg_n": 35743.0,
  "summary_fg_p05": 18318.2875,
  "summary_fg_p95": 34205.158984375,
  "summary_fg_stdv": 5099.638671875,
  "tsnr": 86.56282806396484
}