{
  "aor": 0.0019443999999999998,
  "aqi": 0.0038878259500000002,
  "bids_meta": {
    "AcquisitionNumber": 9,
    "BidsifyVersion": "0.3.5",
    "ConversionSoftware": "dcm2niix",
    "ConversionSoftwareVersion": "v1.0.20181125  GCC6.3.0",
    "EchoTime": 0.02762,
    "EffectiveEchoSpacing": 0.0006621159151938905,
    "ImageComments": "PIOP",
    "ImageOrientationPatientDICOM": [
      0.999644,
      -0.0266828,
      0.000811799,
      0.0261766,
      0.973809,
      -0.225857
    ],
    "Manufacturer": "Philips",
    "NumberOfVolumesDiscardedByScanner": 2,
    "ParallelAcquisitionTechnique": "SENSE",
    "ParallelReductionFactorInPlane": 2,
    "PatientPosition": "HFS",
    "PhaseEncodingDirection": "j",
    "PhilipsRescaleIntercept": 0,
    "PhilipsRescaleSlope": 0.82344,
    "PhilipsScaleSlope": 0.0538161,
    "ProtocolName": "WIPpiopanticipatieSENSE",
    "PulseSequenceType": "gradient echo EPI",
    "ReconMatrixPE": 80,
    "RepetitionTime": 2,
    "SeriesDescription": "ImageMRSERIES",
    "SeriesNumber": 9,
    "SliceEncodingDirection": "k",
    "SliceTiming": [
      0.0,
      0.0541,
      0.1081,
      0.1622,
      0.2162,
      0.2703,
      0.3243,
      0.3784,
      0.4324,
      0.4865,
      0.5405,
      0.5946,
      0.6486,
      0.7027,
      0.7568,
      0.8108,
      0.8649,
      0.9189,
      0.973,
      1.027,
      1.0811,
      1.1351,
      1.1892,
      1.2432,
      1.2973,
      1.3514,
      1.4054,
      1.4595,
      1.5135,
      1.5676,
      1.6216,
      1.6757,
      1.7297,
      1.7838,
      1.8378,
      1.8919,
      1.9459
    ],
    "TaskName": "anticipation",
    "TotalReadoutTime": 0.025822520692561732,
    "UsePhilipsFloatNotDisplayScaling": 1,
    "acq_id": "seq",
    "dataset": "ds002785",
    "modality": "bold",
    "subject_id": "0072",
    "task_id": "anticipation"
  },
  "dummy_trs": 0,
  "dvars_nstd": 20.222599939999995,
  "dvars_std": 1.2255095540201006,
  "dvars_vstd": 1.0171071343718594,
  "efc": 0.42062876844234875,
  "fber": 222188.9375,
  "fd_mean": 0.09037415407349832,
  "fd_num": 4,
  "fd_perc": 2.0,
  "fwhm_avg": 1.9223605139133417,
  "fwhm_x": 1.8810766666666667,
  "fwhm_y": 2.04592,
  "fwhm_z": 1.840084875073359,
  "gcor": 0.0404932,
  "gsr_x": -0.017390688881278038,
  "gsr_y": 0.012913620099425316,
  "provenance": {
    "md5sum": "d010d21a44eba2509878c5ac9174f660",
    "settings": {
      "fd_thres": 0.2,
      "testing": false
    },
    "software": "mriqc",
    "version": "22.0.0rc1",
    "webapi_port": null,
    "webapi_url": "https://mriqc.nimh.nih.gov/api/v1"
  },
  "size_t": 200,
  "size_x": 80,
  "size_y": 80,
  "size_z": 37,
  "snr": 4.880964843347892,
  "spacing_tr": 2.0,
  "spacing_x": 3.0,
  "spacing_y": 3.0,
  "spacing_z": 3.299999952316284,
  "summary_bg_k": 89.19751308202561,
  "summary_bg_mad": 51.37433313752596,
  "summary_bg_mean": 516.1976928710938,
  "summary_bg_median": 50.63392639160156,
  "summary_bg_n": 160192.0,
  "summary_bg_p05": 3.532094442844391,
  "summary_bg_p95": 2770.3757568359356,
  "summary_bg_stdv": 1650.468505859375,
  "summary_fg_k": 1.9137066506455662,
  "summary_fg_mad": 4412.7497731763015,
  "summary_fg_mean": 25092.185546875,
  "summary_fg_median": 24412.970703125,
  "summary_fg_n": 35772.0,
  "summary_fg_p05": 18279.79970703125,
  "summary_fg_p95": 33835.886523437475,
  "summary_fg_stdv": 5001.59912109375,
  "tsnr": 86.93640899658203
}