{
  "aor": 0.0014064814814814812,
  "aqi": 0.0031770500000000003,
  "bids_meta": {
    "AcquisitionNumber": 8,
    "BidsifyVersion": "0.3.5",
    "ConversionSoftware": "dcm2niix",
    "ConversionSoftwareVersion": "v1.0.20181125  GCC6.3.0",
    "EchoTime": 0.02762,
    "EffectiveEchoSpacing": 0.0006621159151938905,
    "ImageComments": "PIOP",
    "ImageOrientationPatientDICOM": [
      0.999644,
      -0.0266828,
      0.000811799,
      0.0261766,
      0.973809,
      -0.225857
    ],
    "Manufacturer": "Philips",
    "NumberOfVolumesDiscardedByScanner": 2,
    "ParallelAcquisitionTechnique": "SENSE",
    "ParallelReductionFactorInPlane": 2,
    "PatientPosition": "HFS",
    "PhaseEncodingDirection": "j",
    "PhilipsRescaleIntercept": 0,
    "PhilipsRescaleSlope": 0.81636,
    "PhilipsScaleSlope": 0.0557463,
    "ProtocolName": "WIPpiopwmSENSE",
    "PulseSequenceType": "gradient echo EPI",
    "ReconMatrixPE": 80,
    "RepetitionTime": 2,
    "SeriesDescription": "ImageMRSERIES",
    "SeriesNumber": 8,
    "SliceEncodingDirection": "k",
    "SliceTiming": [
      0.0,
      0.0541,
      0.1081,
      0.1622,
      0.2162,
      0.2703,
      0.3243,
      0.3784,
      0.4324,
      0.4865,
      0.5405,
      0.5946,
      0.6486,
      0.7027,
      0.7568,
      0.8108,
      0.8649,
      0.9189,
      0.973,
      1.027,
      1.0811,
      1.1351,
      1.1892,
      1.2432,
      1.2973,
      1.3514,
      1.4054,
      1.4595,
      1.5135,
      1.5676,
      1.6216,
      1.6757,
      1.7297,
      1.7838,
      1.8378,
      1.8919,
      1.9459
    ],
    "TaskName": "workingmemory",
    "TotalReadoutTime": 0.025822520692561732,
    "UsePhilipsFloatNotDisplayScaling": 1,
    "acq_id": "seq",
    "dataset": "ds002785",
    "modality": "bold",
    "subject_id": "0072",
    "task_id": "workingmemory"
  },
  "dummy_trs": 0,
  "dvars_nstd": 17.759261356149075,
  "dvars_std": 1.1625576973913043,
  "dvars_vstd": 1.0243414040372671,
  "efc": 0.42078550375568413,
  "fber": 212260.90625,
  "fd_mean": 0.09306530174617816,
  "fd_num": 4,
  "fd_perc": 2.4691358024691357,
  "fwhm_avg": 1.9233048573382272,
  "fwhm_x": 1.88595,
  "fwhm_y": 2.0458433333333335,
  "fwhm_z": 1.8381212386813488,
  "gcor": 0.0215078,
  "gsr_x": -0.017196759581565857,
  "gsr_y": 0.012110796757042408,
  "provenance": {
    "md5sum": "2949219f528dea8b797348ec62989433",
    "settings": {
      "fd_thres": 0.2,
      "testing": false
    },
    "software": "mriqc",
    "version": "22.0.0rc1",
    "webapi_port": null,
    "webapi_url": "https://mriqc.nimh.nih.gov/api/v1"
  },
  "size_t": 162,
  "size_x": 80,
  "size_y": 80,
  "size_z": 37,
  "snr": 4.847187557226572,
  "spacing_tr": 2.0,
  "spacing_x": 3.0,
  "spacing_y": 3.0,
  "spacing_z": 3.299999952316284,
  "summary_bg_k": 81.95317212936564,
  "summary_bg_mad": 54.59418379784549,
  "summary_bg_mean": 515.0560302734375,
  "summary_bg_median": 51.59733581542969,
  "summary_bg_n": 160163.0,
  "summary_bg_p05": 3.3139217376708987,
  "summary_bg_p95": 2773.4148925781233,
  "summary_bg_stdv": 1628.599853515625,
  "summary_fg_k": 1.876407700219632,
  "summary_fg_mad": 4440.77008639382,
  "summary_fg_mean": 24931.017578125,
  "summary_fg_median": 24263.2890625,
  "summary_fg_n": 35777.0,
  "summary_fg_p05": 18109.436328125,
  "summary_fg_p95": 33663.345312499994,
  "summary_fg_stdv": 5005.57275390625,
  "tsnr": 88.9921875
}