{
  "aor": 0.003644213197969543,
  "aqi": 0.007521687868020305,
  "bids_meta": {
    "AcquisitionNumber": 9,
    "BidsifyVersion": "0.3.5",
    "ConversionSoftware": "dcm2niix",
    "ConversionSoftwareVersion": "v1.0.20181125  GCC6.3.0",
    "EchoTime": 0.02762,
    "EffectiveEchoSpacing": 0.0006621159151938905,
    "ImageComments": "Piop",
    "ImageOrientationPatientDICOM": [
      0.998253,
      0.058947,
      -0.00398299,
      -0.0587827,
      0.984175,
      -0.167168
    ],
    "Manufacturer": "Philips",
    "NumberOfVolumesDiscardedByScanner": 2,
    "ParallelAcquisitionTechnique": "SENSE",
    "ParallelReductionFactorInPlane": 2,
    "PatientPosition": "HFS",
    "PhaseEncodingDirection": "j",
    "PhilipsRescaleIntercept": 0,
    "PhilipsRescaleSlope": 0.95556,
    "PhilipsScaleSlope": 0.0545368,
    "ProtocolName": "WIPpiopanticipatieSENSE",
    "PulseSequenceType": "gradient echo EPI",
    "ReconMatrixPE": 80,
    "RepetitionTime": 2,
    "SeriesDescription": "ImageMRSERIES",
    "SeriesNumber": 9,
    "SliceEncodingDirection": "k",
    "SliceTiming": [
      0.0,
      0.0541,
      0.1081,
      0.1622,
      0.2162,
      0.2703,
      0.3243,
      0.3784,
      0.4324,
      0.4865,
      0.5405,
      0.5946,
      0.6486,
      0.7027,
      0.7568,
      0.8108,
      0.8649,
      0.9189,
      0.973,
      1.027,
      1.0811,
      1.1351,
      1.1892,
      1.2432,
      1.2973,
      1.3514,
      1.4054,
      1.4595,
      1.5135,
      1.5676,
      1.6216,
      1.6757,
      1.7297,
      1.7838,
      1.8378,
      1.8919,
      1.9459
    ],
    "TaskName": "anticipation",
    "TotalReadoutTime": 0.025822520692561732,
    "UsePhilipsFloatNotDisplayScaling": 1,
    "acq_id": "seq",
    "dataset": "ds002785",
    "modality": "bold",
    "subject_id": "0071",
    "task_id": "anticipation"
  },
  "dummy_trs": 3,
  "dvars_nstd": 24.383108508979593,
  "dvars_std": 1.1902969333673472,
  "dvars_vstd": 1.0134951675510206,
  "efc": 0.44425412359558597,
  "fber": 130253.171875,
  "fd_mean": 0.15047160762955594,
  "fd_num": 29,
  "fd_perc": 14.720812182741117,
  "fwhm_avg": 1.8420482911179519,
  "fwhm_x": 1.8216833333333333,
  "fwhm_y": 1.9833766666666666,
  "fwhm_z": 1.721084873353855,
  "gcor": 0.035773,
  "gsr_x": -0.01046663336455822,
  "gsr_y": 0.017405128106474876,
  "provenance": {
    "md5sum": "fbda237b4c0a49edff5c2bea65508e83",
    "settings": {
      "fd_thres": 0.2,
      "testing": false
    },
    "software": "mriqc",
    "version": "22.0.0rc1",
    "webapi_port": null,
    "webapi_url": "https://mriqc.nimh.nih.gov/api/v1"
  },
  "size_t": 197,
  "size_x": 80,
  "size_y": 80,
  "size_z": 37,
  "snr": 5.125707280911681,
  "spacing_tr": 2.0,
  "spacing_x": 3.0,
  "spacing_y": 3.0,
  "spacing_z": 3.299999952316284,
  "summary_bg_k": 38.47316300591326,
  "summary_bg_mad": 62.15381270315021,
  "summary_bg_mean": 733.0685424804688,
  "summary_bg_median": 61.1585693359375,
  "summary_bg_n": 158376.0,
  "summary_bg_p05": 6.457773685455322,
  "summary_bg_p95": 4366.9793701171875,
  "summary_bg_stdv": 2039.967041015625,
  "summary_fg_k": 1.9006177957746138,
  "summary_fg_mad": 3994.5907941399164,
  "summary_fg_mean": 23177.58203125,
  "summary_fg_median": 22745.9765625,
  "summary_fg_n": 36379.0,
  "summary_fg_p05": 16761.33828125,
  "summary_fg_p95": 30660.4142578125,
  "summary_fg_stdv": 4437.56591796875,
  "tsnr": 60.207298278808594
}