{
  "aor": 0.0009337575757575759,
  "aqi": 0.009278756181818181,
  "bids_meta": {
    "AcquisitionNumber": 2,
    "BidsifyVersion": "0.3.5",
    "ConversionSoftware": "dcm2niix",
    "ConversionSoftwareVersion": "v1.0.20181125  GCC6.3.0",
    "EchoTime": 0.02762,
    "EffectiveEchoSpacing": 0.0006333282667071997,
    "ImageComments": "Piop",
    "ImageOrientationPatientDICOM": [
      0.998253,
      0.058947,
      -0.00398299,
      -0.0587827,
      0.984175,
      -0.167168
    ],
    "Manufacturer": "Philips",
    "NumberOfVolumesDiscardedByScanner": 2,
    "ParallelAcquisitionTechnique": "SENSE",
    "ParallelReductionFactorInPlane": 2,
    "PatientPosition": "HFS",
    "PhaseEncodingDirection": "j",
    "PhilipsRescaleIntercept": 0,
    "PhilipsRescaleSlope": 0.78974,
    "PhilipsScaleSlope": 0.0919803,
    "ProtocolName": "WIPpiopfacesSENSE",
    "PulseSequenceType": "gradient echo EPI",
    "ReconMatrixPE": 80,
    "RepetitionTime": 0.75,
    "SeriesDescription": "ImageMRSERIES",
    "SeriesNumber": 2,
    "SliceEncodingDirection": "k",
    "SliceTiming": [
      0.0,
      0.06755050505050506,
      0.1351010101010101,
      0.20265151515151517,
      0.2702020202020202,
      0.3377525252525253,
      0.40530303030303033,
      0.47285353535353536,
      0.5404040404040404,
      0.6079545454545455,
      0.6755050505050506,
      0.7430555555555556,
      0.0,
      0.06755050505050506,
      0.1351010101010101,
      0.20265151515151517,
      0.2702020202020202,
      0.3377525252525253,
      0.40530303030303033,
      0.47285353535353536,
      0.5404040404040404,
      0.6079545454545455,
      0.6755050505050506,
      0.7430555555555556,
      0.0,
      0.06755050505050506,
      0.1351010101010101,
      0.20265151515151517,
      0.2702020202020202,
      0.3377525252525253,
      0.40530303030303033,
      0.47285353535353536,
      0.5404040404040404,
      0.6079545454545455,
      0.6755050505050506,
      0.7430555555555556
    ],
    "TaskName": "faces",
    "TotalReadoutTime": 0.024699802401580786,
    "UsePhilipsFloatNotDisplayScaling": 1,
    "acq_id": "mb3",
    "dataset": "ds002785",
    "modality": "bold",
    "subject_id": "0071",
    "task_id": "faces"
  },
  "dummy_trs": 0,
  "dvars_nstd": 27.281423029635253,
  "dvars_std": 1.1306667909118544,
  "dvars_vstd": 0.980711274954408,
  "efc": 0.45244507272738055,
  "fber": 143365.109375,
  "fd_mean": 0.12429325307585293,
  "fd_num": 31,
  "fd_perc": 9.393939393939394,
  "fwhm_avg": 2.1036071247607926,
  "fwhm_x": 2.1547,
  "fwhm_y": 2.2857,
  "fwhm_z": 1.870421374282378,
  "gcor": 0.00942433,
  "gsr_x": -0.01422717422246933,
  "gsr_y": 0.014989456161856651,
  "provenance": {
    "md5sum": "6e2945bb4456467bc553f6923c80f40f",
    "settings": {
      "fd_thres": 0.2,
      "testing": false
    },
    "software": "mriqc",
    "version": "22.0.0rc1",
    "webapi_port": null,
    "webapi_url": "https://mriqc.nimh.nih.gov/api/v1"
  },
  "size_t": 330,
  "size_x": 80,
  "size_y": 80,
  "size_z": 36,
  "snr": 6.096524905413277,
  "spacing_tr": 0.75,
  "spacing_x": 3.0,
  "spacing_y": 3.0,
  "spacing_z": 3.299999713897705,
  "summary_bg_k": 29.64305348722884,
  "summary_bg_mad": 49.39899547158994,
  "summary_bg_mean": 561.8729858398438,
  "summary_bg_median": 46.65018081665039,
  "summary_bg_n": 152990.0,
  "summary_bg_p05": 5.59304940700531,
  "summary_bg_p95": 3260.4579711914057,
  "summary_bg_stdv": 1452.37646484375,
  "summary_fg_k": 0.6538418958839811,
  "summary_fg_mad": 2808.3591664744827,
  "summary_fg_mean": 18049.021484375,
  "summary_fg_median": 17992.94140625,
  "summary_fg_n": 36088.0,
  "summary_fg_p05": 13279.365087890625,
  "summary_fg_p95": 22904.3697265625,
  "summary_fg_stdv": 2951.302978515625,
  "tsnr": 51.55072784423828
}