{
  "aor": 0.0015651255230125522,
  "aqi": 0.013776907071129706,
  "bids_meta": {
    "AcquisitionNumber": 6,
    "BidsifyVersion": "0.3.5",
    "ConversionSoftware": "dcm2niix",
    "ConversionSoftwareVersion": "v1.0.20181125  GCC6.3.0",
    "EchoTime": 0.02762,
    "EffectiveEchoSpacing": 0.0006333282667071997,
    "ImageComments": "Piop",
    "ImageOrientationPatientDICOM": [
      0.998253,
      0.058947,
      -0.00398299,
      -0.0587827,
      0.984175,
      -0.167168
    ],
    "Manufacturer": "Philips",
    "NumberOfVolumesDiscardedByScanner": 2,
    "ParallelAcquisitionTechnique": "SENSE",
    "ParallelReductionFactorInPlane": 2,
    "PatientPosition": "HFS",
    "PhaseEncodingDirection": "j",
    "PhilipsRescaleIntercept": 0,
    "PhilipsRescaleSlope": 0.91038,
    "PhilipsScaleSlope": 0.0728882,
    "ProtocolName": "WIPpioprsSENSE",
    "PulseSequenceType": "gradient echo EPI",
    "ReconMatrixPE": 80,
    "RepetitionTime": 0.75,
    "SeriesDescription": "ImageMRSERIES",
    "SeriesNumber": 6,
    "SliceEncodingDirection": "k",
    "SliceTiming": [
      0.0,
      0.06755050505050506,
      0.1351010101010101,
      0.20265151515151517,
      0.2702020202020202,
      0.3377525252525253,
      0.40530303030303033,
      0.47285353535353536,
      0.5404040404040404,
      0.6079545454545455,
      0.6755050505050506,
      0.7430555555555556,
      0.0,
      0.06755050505050506,
      0.1351010101010101,
      0.20265151515151517,
      0.2702020202020202,
      0.3377525252525253,
      0.40530303030303033,
      0.47285353535353536,
      0.5404040404040404,
      0.6079545454545455,
      0.6755050505050506,
      0.7430555555555556,
      0.0,
      0.06755050505050506,
      0.1351010101010101,
      0.20265151515151517,
      0.2702020202020202,
      0.3377525252525253,
      0.40530303030303033,
      0.47285353535353536,
      0.5404040404040404,
      0.6079545454545455,
      0.6755050505050506,
      0.7430555555555556
    ],
    "TaskName": "restingstate",
    "TotalReadoutTime": 0.024699802401580786,
    "UsePhilipsFloatNotDisplayScaling": 1,
    "acq_id": "mb3",
    "dataset": "ds002785",
    "modality": "bold",
    "subject_id": "0071",
    "task_id": "restingstate"
  },
  "dummy_trs": 2,
  "dvars_nstd": 29.697382357127882,
  "dvars_std": 1.104563339559749,
  "dvars_vstd": 1.0090999537106922,
  "efc": 0.4523529252980226,
  "fber": 127592.3203125,
  "fd_mean": 0.12792840284226709,
  "fd_num": 56,
  "fd_perc": 11.715481171548117,
  "fwhm_avg": 1.8717026345187546,
  "fwhm_x": 1.87481,
  "fwhm_y": 2.0261766666666667,
  "fwhm_z": 1.714121236889597,
  "gcor": 0.0192536,
  "gsr_x": -0.012351986952126026,
  "gsr_y": 0.014738255180418491,
  "provenance": {
    "md5sum": "341f4777f8084eb1bf3aedac06efee41",
    "settings": {
      "fd_thres": 0.2,
      "testing": false
    },
    "software": "mriqc",
    "version": "22.0.0rc1",
    "webapi_port": null,
    "webapi_url": "https://mriqc.nimh.nih.gov/api/v1"
  },
  "size_t": 478,
  "size_x": 80,
  "size_y": 80,
  "size_z": 36,
  "snr": 6.150149628500832,
  "spacing_tr": 0.75,
  "spacing_x": 3.0,
  "spacing_y": 3.0,
  "spacing_z": 3.299999952316284,
  "summary_bg_k": 28.064184213504294,
  "summary_bg_mad": 54.81764743703313,
  "summary_bg_mean": 571.046630859375,
  "summary_bg_median": 47.6702995300293,
  "summary_bg_n": 152990.0,
  "summary_bg_p05": 3.357078468799591,
  "summary_bg_p95": 3364.805322265617,
  "summary_bg_stdv": 1504.7672119140625,
  "summary_fg_k": 1.059653870178436,
  "summary_fg_mad": 2639.6921702403997,
  "summary_fg_mean": 17541.9140625,
  "summary_fg_median": 17522.169921875,
  "summary_fg_n": 35983.0,
  "summary_fg_p05": 12968.90751953125,
  "summary_fg_p95": 22202.7271484375,
  "summary_fg_stdv": 2849.0244140625,
  "tsnr": 42.02705383300781
}