{
  "aor": 0.003725864661654136,
  "aqi": 0.010249576165413532,
  "bids_meta": {
    "AcquisitionNumber": 5,
    "BidsifyVersion": "0.3.5",
    "ConversionSoftware": "dcm2niix",
    "ConversionSoftwareVersion": "v1.0.20181125  GCC6.3.0",
    "EchoTime": 0.02762,
    "EffectiveEchoSpacing": 0.0006621159151938905,
    "ImageComments": "Piop",
    "ImageOrientationPatientDICOM": [
      0.998253,
      0.058947,
      -0.00398299,
      -0.0587827,
      0.984175,
      -0.167168
    ],
    "Manufacturer": "Philips",
    "NumberOfVolumesDiscardedByScanner": 2,
    "ParallelAcquisitionTechnique": "SENSE",
    "ParallelReductionFactorInPlane": 2,
    "PatientPosition": "HFS",
    "PhaseEncodingDirection": "j",
    "PhilipsRescaleIntercept": 0,
    "PhilipsRescaleSlope": 0.84567,
    "PhilipsScaleSlope": 0.0558964,
    "ProtocolName": "WIPpiopharririSENSE",
    "PulseSequenceType": "gradient echo EPI",
    "ReconMatrixPE": 80,
    "RepetitionTime": 2,
    "SeriesDescription": "ImageMRSERIES",
    "SeriesNumber": 5,
    "SliceEncodingDirection": "k",
    "SliceTiming": [
      0.0,
      0.0541,
      0.1081,
      0.1622,
      0.2162,
      0.2703,
      0.3243,
      0.3784,
      0.4324,
      0.4865,
      0.5405,
      0.5946,
      0.6486,
      0.7027,
      0.7568,
      0.8108,
      0.8649,
      0.9189,
      0.973,
      1.027,
      1.0811,
      1.1351,
      1.1892,
      1.2432,
      1.2973,
      1.3514,
      1.4054,
      1.4595,
      1.5135,
      1.5676,
      1.6216,
      1.6757,
      1.7297,
      1.7838,
      1.8378,
      1.8919,
      1.9459
    ],
    "TaskName": "emomatching",
    "TotalReadoutTime": 0.025822520692561732,
    "UsePhilipsFloatNotDisplayScaling": 1,
    "acq_id": "seq",
    "dataset": "ds002785",
    "modality": "bold",
    "subject_id": "0071",
    "task_id": "emomatching"
  },
  "dummy_trs": 2,
  "dvars_nstd": 23.849102396060616,
  "dvars_std": 1.1599373028787876,
  "dvars_vstd": 0.981522546060606,
  "efc": 0.4448148192457225,
  "fber": 128725.421875,
  "fd_mean": 0.14632258939218507,
  "fd_num": 19,
  "fd_perc": 14.285714285714286,
  "fwhm_avg": 1.83590930106565,
  "fwhm_x": 1.8247333333333333,
  "fwhm_y": 1.99374,
  "fwhm_z": 1.6892545698636166,
  "gcor": 0.00909239,
  "gsr_x": -0.011515098623931408,
  "gsr_y": 0.017729638144373894,
  "provenance": {
    "md5sum": "391e98ae4bd9c5b24f9985849f86369e",
    "settings": {
      "fd_thres": 0.2,
      "testing": false
    },
    "software": "mriqc",
    "version": "22.0.0rc1",
    "webapi_port": null,
    "webapi_url": "https://mriqc.nimh.nih.gov/api/v1"
  },
  "size_t": 133,
  "size_x": 80,
  "size_y": 80,
  "size_z": 37,
  "snr": 5.097520678371787,
  "spacing_tr": 2.0,
  "spacing_x": 3.0,
  "spacing_y": 3.0,
  "spacing_z": 3.299999952316284,
  "summary_bg_k": 38.61305343933324,
  "summary_bg_mad": 64.22598831249064,
  "summary_bg_mean": 733.9310302734375,
  "summary_bg_median": 62.78485107421875,
  "summary_bg_n": 158029.0,
  "summary_bg_p05": 6.704329109191894,
  "summary_bg_p95": 4297.932031250002,
  "summary_bg_stdv": 2044.38720703125,
  "summary_fg_k": 1.878759592295829,
  "summary_fg_mad": 4149.337400696439,
  "summary_fg_mean": 23645.7734375,
  "summary_fg_median": 23203.615234375,
  "summary_fg_n": 36727.0,
  "summary_fg_p05": 17111.119921875,
  "summary_fg_p95": 31315.989062499983,
  "summary_fg_stdv": 4551.87939453125,
  "tsnr": 53.51924514770508
}