{
  "aor": 0.0026204489795918365,
  "aqi": 0.012287790653061225,
  "bids_meta": {
    "AcquisitionNumber": 3,
    "BidsifyVersion": "0.3.5",
    "ConversionSoftware": "dcm2niix",
    "ConversionSoftwareVersion": "v1.0.20181125  GCC6.3.0",
    "EchoTime": 0.02762,
    "EffectiveEchoSpacing": 0.0006621159151938905,
    "ImageComments": "Piop",
    "ImageOrientationPatientDICOM": [
      0.997912,
      0.0427896,
      0.0483727,
      -0.0200321,
      0.91715,
      -0.398039
    ],
    "Manufacturer": "Philips",
    "NumberOfVolumesDiscardedByScanner": 2,
    "ParallelAcquisitionTechnique": "SENSE",
    "ParallelReductionFactorInPlane": 2,
    "PatientPosition": "HFS",
    "PhaseEncodingDirection": "j",
    "PhilipsRescaleIntercept": 0,
    "PhilipsRescaleSlope": 0.74261,
    "PhilipsScaleSlope": 0.0625352,
    "ProtocolName": "WIPpiopgstroopSENSE",
    "PulseSequenceType": "gradient echo EPI",
    "ReconMatrixPE": 80,
    "RepetitionTime": 2,
    "SeriesDescription": "ImageMRSERIES",
    "SeriesNumber": 3,
    "SliceEncodingDirection": "k",
    "SliceTiming": [
      0.0,
      0.0541,
      0.1081,
      0.1622,
      0.2162,
      0.2703,
      0.3243,
      0.3784,
      0.4324,
      0.4865,
      0.5405,
      0.5946,
      0.6486,
      0.7027,
      0.7568,
      0.8108,
      0.8649,
      0.9189,
      0.973,
      1.027,
      1.0811,
      1.1351,
      1.1892,
      1.2432,
      1.2973,
      1.3514,
      1.4054,
      1.4595,
      1.5135,
      1.5676,
      1.6216,
      1.6757,
      1.7297,
      1.7838,
      1.8378,
      1.8919,
      1.9459
    ],
    "TaskName": "gstroop",
    "TotalReadoutTime": 0.025822520692561732,
    "UsePhilipsFloatNotDisplayScaling": 1,
    "acq_id": "seq",
    "dataset": "ds002785",
    "modality": "bold",
    "subject_id": "0165",
    "task_id": "gstroop"
  },
  "dummy_trs": 0,
  "dvars_nstd": 24.12831269733605,
  "dvars_std": 1.1462685040163927,
  "dvars_vstd": 0.9706351799180328,
  "efc": 0.41269652640131727,
  "fber": 166425.0625,
  "fd_mean": 0.1909324020217889,
  "fd_num": 63,
  "fd_perc": 25.714285714285715,
  "fwhm_avg": 1.673901887910586,
  "fwhm_x": 1.6419666666666668,
  "fwhm_y": 1.7560966666666669,
  "fwhm_z": 1.6236423303984249,
  "gcor": 0.0393522,
  "gsr_x": -0.017507953569293022,
  "gsr_y": 0.017362341284751892,
  "provenance": {
    "md5sum": "5105f66a92f5ba20f135eb91a7ca8214",
    "settings": {
      "fd_thres": 0.2,
      "testing": false
    },
    "software": "mriqc",
    "version": "22.0.0rc1",
    "webapi_port": null,
    "webapi_url": "https://mriqc.nimh.nih.gov/api/v1"
  },
  "size_t": 245,
  "size_x": 80,
  "size_y": 80,
  "size_z": 37,
  "snr": 6.068740409358673,
  "spacing_tr": 2.0,
  "spacing_x": 3.0,
  "spacing_y": 3.0,
  "spacing_z": 3.3000001907348633,
  "summary_bg_k": 179.74677834506582,
  "summary_bg_mad": 52.563325748728786,
  "summary_bg_mean": 448.7664794921875,
  "summary_bg_median": 53.878807067871094,
  "summary_bg_n": 162374.0,
  "summary_bg_p05": 3.9883048176765445,
  "summary_bg_p95": 2410.611669921879,
  "summary_bg_stdv": 1593.6148681640625,
  "summary_fg_k": 3.484562530172159,
  "summary_fg_mad": 3206.6340463235174,
  "summary_fg_mean": 22940.3046875,
  "summary_fg_median": 22508.330078125,
  "summary_fg_n": 33899.0,
  "summary_fg_p05": 18008.314453125,
  "summary_fg_p95": 28874.0154296875,
  "summary_fg_stdv": 3708.841796875,
  "tsnr": 57.77523422241211
}