{
  "aor": 0.0016899999999999999,
  "aqi": 0.021211194634655532,
  "bids_meta": {
    "AcquisitionNumber": 6,
    "BidsifyVersion": "0.3.5",
    "ConversionSoftware": "dcm2niix",
    "ConversionSoftwareVersion": "v1.0.20181125  GCC6.3.0",
    "EchoTime": 0.02762,
    "EffectiveEchoSpacing": 0.0006333282667071997,
    "ImageComments": "Piop",
    "ImageOrientationPatientDICOM": [
      0.997912,
      0.0427896,
      0.0483727,
      -0.0200321,
      0.91715,
      -0.398039
    ],
    "Manufacturer": "Philips",
    "NumberOfVolumesDiscardedByScanner": 2,
    "ParallelAcquisitionTechnique": "SENSE",
    "ParallelReductionFactorInPlane": 2,
    "PatientPosition": "HFS",
    "PhaseEncodingDirection": "j",
    "PhilipsRescaleIntercept": 0,
    "PhilipsRescaleSlope": 0.78877,
    "PhilipsScaleSlope": 0.0959136,
    "ProtocolName": "WIPpioprsSENSE",
    "PulseSequenceType": "gradient echo EPI",
    "ReconMatrixPE": 80,
    "RepetitionTime": 0.75,
    "SeriesDescription": "ImageMRSERIES",
    "SeriesNumber": 6,
    "SliceEncodingDirection": "k",
    "SliceTiming": [
      0.0,
      0.06755050505050506,
      0.1351010101010101,
      0.20265151515151517,
      0.2702020202020202,
      0.3377525252525253,
      0.40530303030303033,
      0.47285353535353536,
      0.5404040404040404,
      0.6079545454545455,
      0.6755050505050506,
      0.7430555555555556,
      0.0,
      0.06755050505050506,
      0.1351010101010101,
      0.20265151515151517,
      0.2702020202020202,
      0.3377525252525253,
      0.40530303030303033,
      0.47285353535353536,
      0.5404040404040404,
      0.6079545454545455,
      0.6755050505050506,
      0.7430555555555556,
      0.0,
      0.06755050505050506,
      0.1351010101010101,
      0.20265151515151517,
      0.2702020202020202,
      0.3377525252525253,
      0.40530303030303033,
      0.47285353535353536,
      0.5404040404040404,
      0.6079545454545455,
      0.6755050505050506,
      0.7430555555555556
    ],
    "TaskName": "restingstate",
    "TotalReadoutTime": 0.024699802401580786,
    "UsePhilipsFloatNotDisplayScaling": 1,
    "acq_id": "mb3",
    "dataset": "ds002785",
    "modality": "bold",
    "subject_id": "0165",
    "task_id": "restingstate"
  },
  "dummy_trs": 1,
  "dvars_nstd": 28.489460689790814,
  "dvars_std": 1.0848275420292885,
  "dvars_vstd": 1.0009189518828452,
  "efc": 0.41496372480622046,
  "fber": 185421.75,
  "fd_mean": 0.19433809368215518,
  "fd_num": 140,
  "fd_perc": 29.227557411273487,
  "fwhm_avg": 1.7194762319254242,
  "fwhm_x": 1.7159566666666668,
  "fwhm_y": 1.84896,
  "fwhm_z": 1.5935120291096063,
  "gcor": 0.0244122,
  "gsr_x": -0.017152011394500732,
  "gsr_y": 0.013794557191431522,
  "provenance": {
    "md5sum": "479e4e506384c79e299e06eacee3b378",
    "settings": {
      "fd_thres": 0.2,
      "testing": false
    },
    "software": "mriqc",
    "version": "22.0.0rc1",
    "webapi_port": null,
    "webapi_url": "https://mriqc.nimh.nih.gov/api/v1"
  },
  "size_t": 479,
  "size_x": 80,
  "size_y": 80,
  "size_z": 36,
  "snr": 7.2986393645988645,
  "spacing_tr": 0.75,
  "spacing_x": 3.0,
  "spacing_y": 3.0,
  "spacing_z": 3.3000001907348633,
  "summary_bg_k": 104.7058344875472,
  "summary_bg_mad": 40.42256604774788,
  "summary_bg_mean": 318.42901611328125,
  "summary_bg_median": 38.10646057128906,
  "summary_bg_n": 157859.0,
  "summary_bg_p05": 2.4457526445388793,
  "summary_bg_p95": 1769.206091308594,
  "summary_bg_stdv": 993.6026611328125,
  "summary_fg_k": 2.0237452046734283,
  "summary_fg_mad": 2045.4929998549514,
  "summary_fg_mean": 16724.39453125,
  "summary_fg_median": 16658.916015625,
  "summary_fg_n": 32952.0,
  "summary_fg_p05": 13277.05009765625,
  "summary_fg_p95": 20436.886328124994,
  "summary_fg_stdv": 2282.43408203125,
  "tsnr": 42.28012466430664
}