{
  "aor": 0.002187868852459017,
  "aqi": 0.007740247172131149,
  "bids_meta": {
    "AcquisitionNumber": 3,
    "BidsifyVersion": "0.3.5",
    "ConversionSoftware": "dcm2niix",
    "ConversionSoftwareVersion": "v1.0.20181125  GCC6.3.0",
    "EchoTime": 0.02762,
    "ImageComments": "piop",
    "ImageOrientationPatientDICOM": [
      0.997885,
      0.0572302,
      -0.0308138,
      -0.0634811,
      0.959949,
      -0.272889
    ],
    "Manufacturer": "Philips",
    "NumberOfVolumesDiscardedByScanner": 2,
    "ParallelAcquisitionTechnique": "SENSE",
    "ParallelReductionFactorInPlane": 2,
    "PatientPosition": "HFS",
    "PhaseEncodingDirection": "j",
    "PhilipsRescaleIntercept": 0,
    "PhilipsRescaleSlope": 0.76239,
    "PhilipsScaleSlope": 0.0547695,
    "ProtocolName": "WIPpiopgstroopSENSE",
    "PulseSequenceType": "gradient echo EPI",
    "ReconMatrixPE": 80,
    "RepetitionTime": 2,
    "SeriesDescription": "ImageMRSERIES",
    "SeriesNumber": 3,
    "SliceEncodingDirection": "k",
    "TaskName": "gstroop",
    "UsePhilipsFloatNotDisplayScaling": 1,
    "acq_id": "seq",
    "dataset": "ds002785",
    "modality": "bold",
    "subject_id": "0201",
    "task_id": "gstroop"
  },
  "dummy_trs": 1,
  "dvars_nstd": 22.553273330370363,
  "dvars_std": 1.3335862514403292,
  "dvars_vstd": 0.9938594171193412,
  "efc": 0.4301304717999447,
  "fber": 170413.671875,
  "fd_mean": 0.10118297207859919,
  "fd_num": 16,
  "fd_perc": 6.557377049180328,
  "fwhm_avg": 1.8016382502109884,
  "fwhm_x": 1.75847,
  "fwhm_y": 1.95346,
  "fwhm_z": 1.6929847506329652,
  "gcor": 0.0123016,
  "gsr_x": -0.022332752123475075,
  "gsr_y": 0.020549442619085312,
  "provenance": {
    "md5sum": "d05c798053b74a0b27bbb328b11a8b89",
    "settings": {
      "fd_thres": 0.2,
      "testing": false
    },
    "software": "mriqc",
    "version": "23.0.1",
    "webapi_port": null,
    "webapi_url": "https://mriqc.nimh.nih.gov/api/v1"
  },
  "size_t": 244,
  "size_x": 80,
  "size_y": 80,
  "size_z": 37,
  "snr": 6.13319351161465,
  "spacing_tr": 2.0,
  "spacing_x": 3.0,
  "spacing_y": 3.0,
  "spacing_z": 3.3000001907348633,
  "summary_bg_k": 63.213580459487176,
  "summary_bg_mad": 63.637479603157715,
  "summary_bg_mean": 693.9545288085938,
  "summary_bg_median": 62.056556701660156,
  "summary_bg_n": 160118.0,
  "summary_bg_p05": 4.305277919769287,
  "summary_bg_p95": 3926.008654785154,
  "summary_bg_stdv": 2038.293212890625,
  "summary_fg_k": 2.8750761074063904,
  "summary_fg_mad": 3833.296993020814,
  "summary_fg_mean": 26809.072265625,
  "summary_fg_median": 26337.064453125,
  "summary_fg_n": 34669.0,
  "summary_fg_p05": 20865.153515625,
  "summary_fg_p95": 33734.7578125,
  "summary_fg_stdv": 4294.12255859375,
  "tsnr": 71.6406478881836
}