{
  "aor": 0.0007746913580246914,
  "aqi": 0.005379354444444444,
  "bids_meta": {
    "AcquisitionNumber": 8,
    "BidsifyVersion": "0.3.5",
    "ConversionSoftware": "dcm2niix",
    "ConversionSoftwareVersion": "v1.0.20181125  GCC6.3.0",
    "EchoTime": 0.02762,
    "ImageComments": "piop",
    "ImageOrientationPatientDICOM": [
      0.997885,
      0.0572302,
      -0.0308138,
      -0.0634811,
      0.959949,
      -0.272889
    ],
    "Manufacturer": "Philips",
    "NumberOfVolumesDiscardedByScanner": 2,
    "ParallelAcquisitionTechnique": "SENSE",
    "ParallelReductionFactorInPlane": 2,
    "PatientPosition": "HFS",
    "PhaseEncodingDirection": "j",
    "PhilipsRescaleIntercept": 0,
    "PhilipsRescaleSlope": 0.74799,
    "PhilipsScaleSlope": 0.055993,
    "ProtocolName": "WIPpiopwmSENSE",
    "PulseSequenceType": "gradient echo EPI",
    "ReconMatrixPE": 80,
    "RepetitionTime": 2,
    "SeriesDescription": "ImageMRSERIES",
    "SeriesNumber": 8,
    "SliceEncodingDirection": "k",
    "TaskName": "workingmemory",
    "UsePhilipsFloatNotDisplayScaling": 1,
    "acq_id": "seq",
    "dataset": "ds002785",
    "modality": "bold",
    "subject_id": "0201",
    "task_id": "workingmemory"
  },
  "dummy_trs": 0,
  "dvars_nstd": 23.641264009316778,
  "dvars_std": 1.3494265527950313,
  "dvars_vstd": 0.9924399814285717,
  "efc": 0.4295519376764849,
  "fber": 174822.5,
  "fd_mean": 0.11030723392764413,
  "fd_num": 16,
  "fd_perc": 9.876543209876543,
  "fwhm_avg": 1.8110077452321185,
  "fwhm_x": 1.7703566666666666,
  "fwhm_y": 1.9734,
  "fwhm_z": 1.6892665690296884,
  "gcor": 0.0144651,
  "gsr_x": -0.021685579791665077,
  "gsr_y": 0.021862924098968506,
  "provenance": {
    "md5sum": "461af09c314f2fa4f417d85d79b28a4e",
    "settings": {
      "fd_thres": 0.2,
      "testing": false
    },
    "software": "mriqc",
    "version": "23.0.1",
    "webapi_port": null,
    "webapi_url": "https://mriqc.nimh.nih.gov/api/v1"
  },
  "size_t": 162,
  "size_x": 80,
  "size_y": 80,
  "size_z": 37,
  "snr": 6.18340988210549,
  "spacing_tr": 2.0,
  "spacing_x": 3.0,
  "spacing_y": 3.0,
  "spacing_z": 3.3000001907348633,
  "summary_bg_k": 59.10454091942765,
  "summary_bg_mad": 61.300472600258054,
  "summary_bg_mean": 695.5232543945312,
  "summary_bg_median": 60.51899337768555,
  "summary_bg_n": 160303.0,
  "summary_bg_p05": 4.075986623764038,
  "summary_bg_p95": 4003.2717041015594,
  "summary_bg_stdv": 2026.6270751953125,
  "summary_fg_k": 2.665096259124434,
  "summary_fg_mad": 3775.4972243050306,
  "summary_fg_mean": 26408.19921875,
  "summary_fg_median": 25946.05078125,
  "summary_fg_n": 34562.0,
  "summary_fg_p05": 20558.52216796875,
  "summary_fg_p95": 33236.66894531249,
  "summary_fg_stdv": 4196.01416015625,
  "tsnr": 80.5945816040039
}