{
  "aor": 0.00024963636363636366,
  "aqi": 0.012181722545454543,
  "bids_meta": {
    "AcquisitionNumber": 2,
    "BidsifyVersion": "0.3.5",
    "ConversionSoftware": "dcm2niix",
    "ConversionSoftwareVersion": "v1.0.20181125  GCC6.3.0",
    "EchoTime": 0.02762,
    "ImageComments": "piop",
    "ImageOrientationPatientDICOM": [
      0.997885,
      0.0572302,
      -0.0308138,
      -0.0634811,
      0.959949,
      -0.272889
    ],
    "Manufacturer": "Philips",
    "NumberOfVolumesDiscardedByScanner": 2,
    "ParallelAcquisitionTechnique": "SENSE",
    "ParallelReductionFactorInPlane": 2,
    "PatientPosition": "HFS",
    "PhaseEncodingDirection": "j",
    "PhilipsRescaleIntercept": 0,
    "PhilipsRescaleSlope": 0.80147,
    "PhilipsScaleSlope": 0.0898356,
    "ProtocolName": "WIPpiopfacesSENSE",
    "PulseSequenceType": "gradient echo EPI",
    "ReconMatrixPE": 80,
    "RepetitionTime": 0.75,
    "SeriesDescription": "ImageMRSERIES",
    "SeriesNumber": 2,
    "SliceEncodingDirection": "k",
    "TaskName": "faces",
    "UsePhilipsFloatNotDisplayScaling": 1,
    "acq_id": "mb3",
    "dataset": "ds002785",
    "modality": "bold",
    "subject_id": "0201",
    "task_id": "faces"
  },
  "dummy_trs": 0,
  "dvars_nstd": 32.10433353541033,
  "dvars_std": 1.2257455337082068,
  "dvars_vstd": 0.9865972762310021,
  "efc": 0.4361946243460088,
  "fber": 175710.40625,
  "fd_mean": 0.08438243248085482,
  "fd_num": 4,
  "fd_perc": 1.2121212121212122,
  "fwhm_avg": 1.8427613809421655,
  "fwhm_x": 1.8228766666666667,
  "fwhm_y": 1.9822166666666667,
  "fwhm_z": 1.7231908094931627,
  "gcor": 0.00800789,
  "gsr_x": -0.023933332413434982,
  "gsr_y": 0.018209753558039665,
  "provenance": {
    "md5sum": "ef8b2e3f206b8aade52ea2a334e776d1",
    "settings": {
      "fd_thres": 0.2,
      "testing": false
    },
    "software": "mriqc",
    "version": "23.0.1",
    "webapi_port": null,
    "webapi_url": "https://mriqc.nimh.nih.gov/api/v1"
  },
  "size_t": 330,
  "size_x": 80,
  "size_y": 80,
  "size_z": 36,
  "snr": 7.3668658655318895,
  "spacing_tr": 0.75,
  "spacing_x": 3.0,
  "spacing_y": 3.0,
  "spacing_z": 3.3000001907348633,
  "summary_bg_k": 42.2867871118822,
  "summary_bg_mad": 48.59364026706521,
  "summary_bg_mean": 504.033203125,
  "summary_bg_median": 43.70528030395508,
  "summary_bg_n": 154932.0,
  "summary_bg_p05": 1.904498165845871,
  "summary_bg_p95": 2863.277819824213,
  "summary_bg_stdv": 1410.0362548828125,
  "summary_fg_k": 1.2821689798561584,
  "summary_fg_mad": 2409.943844813734,
  "summary_fg_mean": 18842.30859375,
  "summary_fg_median": 18797.787109375,
  "summary_fg_n": 34101.0,
  "summary_fg_p05": 14863.775390625,
  "summary_fg_p95": 22970.77734375,
  "summary_fg_stdv": 2551.62939453125,
  "tsnr": 50.96162796020508
}