{
  "bids_meta": {
    "AcquisitionNumber": 4,
    "BidsifyVersion": "0.3.5",
    "ConversionSoftware": "dcm2niix",
    "ConversionSoftwareVersion": "v1.0.20181125  GCC6.3.0",
    "EchoTime": 0.00376,
    "ImageComments": "piop",
    "ImageOrientationPatientDICOM": [
      0.999532,
      -0.0229365,
      0.0202621,
      0.0212863,
      0.996709,
      0.0782122
    ],
    "Manufacturer": "Philips",
    "PatientPosition": "HFS",
    "PhilipsRescaleIntercept": 0,
    "PhilipsRescaleSlope": 9.00073,
    "PhilipsScaleSlope": 0.0073347,
    "ProtocolName": "WIPt13dSENSE",
    "ReconMatrixPE": 240,
    "RepetitionTime": 0.00819,
    "SeriesDescription": "ImageMRSERIES",
    "SeriesNumber": 4,
    "UsePhilipsFloatNotDisplayScaling": 1,
    "dataset": "ds002785",
    "modality": "T1w",
    "subject_id": "0087"
  },
  "cjv": 0.3145946203350446,
  "cnr": 4.14803919219669,
  "efc": 0.7594360034198916,
  "fber": 830.9606323242188,
  "fwhm_avg": 3.5145133333333334,
  "fwhm_x": 3.49034,
  "fwhm_y": 3.77194,
  "fwhm_z": 3.28126,
  "icvs_csf": 0.1935069236877494,
  "icvs_gm": 0.44834557718744433,
  "icvs_wm": 0.35814749912480626,
  "inu_med": 1.6591503620147705,
  "inu_range": 0.3157716512680051,
  "provenance": {
    "md5sum": "9f0c064ce0a694d2892ba8ba613b4362",
    "settings": {
      "testing": false
    },
    "software": "mriqc",
    "version": "22.0.0rc1",
    "warnings": {
      "large_rot_frame": true,
      "small_air_mask": true
    },
    "webapi_port": null,
    "webapi_url": "https://mriqc.nimh.nih.gov/api/v1"
  },
  "qi_1": 0.0,
  "qi_2": 6.357997999718443e-05,
  "rpve_csf": 29.768326175380114,
  "rpve_gm": 14.282941923217116,
  "rpve_wm": 21.73989712051326,
  "size_x": 240,
  "size_y": 240,
  "size_z": 220,
  "snr_csf": 2.261992380818476,
  "snr_gm": 7.6465918606954135,
  "snr_total": 9.265068093284645,
  "snr_wm": 17.886620038340045,
  "snrd_csf": 24.75609146329156,
  "snrd_gm": 46.02488151317084,
  "snrd_total": 49.296016062674624,
  "snrd_wm": 77.10707521156147,
  "spacing_x": 1.0,
  "spacing_y": 1.0,
  "spacing_z": 1.0,
  "summary_bg_k": 209.38824098267173,
  "summary_bg_mad": 8.496336539026817,
  "summary_bg_mean": 13.269889831542969,
  "summary_bg_median": 11.413562774658203,
  "summary_bg_n": 244406.0,
  "summary_bg_p05": 0.0,
  "summary_bg_p95": 34.49291133880615,
  "summary_bg_stdv": 15.00250244140625,
  "summary_csf_k": 15.27192898800083,
  "summary_csf_mad": 108.59301127345805,
  "summary_csf_mean": 300.54229736328125,
  "summary_csf_median": 321.05694580078125,
  "summary_csf_n": 5024.0,
  "summary_csf_p05": 83.71275939941407,
  "summary_csf_p95": 466.7726119995116,
  "summary_csf_stdv": 141.9213409423828,
  "summary_gm_k": 0.27397709993860575,
  "summary_gm_mad": 74.83901630734631,
  "summary_gm_mean": 599.7835693359375,
  "summary_gm_median": 596.8877563476562,
  "summary_gm_n": 20053.0,
  "summary_gm_p05": 475.8800537109375,
  "summary_gm_p95": 732.377648925781,
  "summary_gm_stdv": 78.057373046875,
  "summary_wm_k": 0.6101026014400843,
  "summary_wm_mad": 51.9737410465367,
  "summary_wm_mean": 997.88525390625,
  "summary_wm_median": 999.9866943359375,
  "summary_wm_n": 182182.0,
  "summary_wm_p05": 902.1583801269531,
  "summary_wm_p95": 1085.8588439941407,
  "summary_wm_stdv": 55.90681457519531,
  "tpm_overlap_csf": 0.1511259377002716,
  "tpm_overlap_gm": 0.43802300095558167,
  "tpm_overlap_wm": 0.4845925569534302,
  "wm2max": 0.7134003828196558
}