{
  "bids_meta": {
    "AcquisitionNumber": 5,
    "BidsifyVersion": "0.3.5",
    "ConversionSoftware": "dcm2niix",
    "ConversionSoftwareVersion": "v1.0.20181125  GCC6.3.0",
    "EchoTime": 0.0038,
    "ImageComments": "PIOP",
    "ImageOrientationPatientDICOM": [
      0.99976,
      -0.000614288,
      0.0218843,
      -0.00331534,
      0.98383,
      0.179074
    ],
    "Manufacturer": "Philips",
    "PatientPosition": "HFS",
    "PhilipsRescaleIntercept": 0,
    "PhilipsRescaleSlope": 9.43443,
    "PhilipsScaleSlope": 0.00773371,
    "ProtocolName": "WIPt13dSENSE",
    "ReconMatrixPE": 240,
    "RepetitionTime": 0.008291,
    "SeriesDescription": "ImageMRSERIES",
    "SeriesNumber": 5,
    "UsePhilipsFloatNotDisplayScaling": 1,
    "dataset": "ds002785",
    "modality": "T1w",
    "subject_id": "0089"
  },
  "cjv": 0.3124524100756026,
  "cnr": 3.9621023726229043,
  "efc": 0.7606609315438938,
  "fber": 583.6828002929688,
  "fwhm_avg": 3.3879033333333335,
  "fwhm_x": 3.34152,
  "fwhm_y": 3.57886,
  "fwhm_z": 3.24333,
  "icvs_csf": 0.20573870924423562,
  "icvs_gm": 0.43402932705444924,
  "icvs_wm": 0.3602319637013151,
  "inu_med": 1.5071815252304077,
  "inu_range": 0.3815629482269285,
  "provenance": {
    "md5sum": "d04bfddfaf65f4e359f971bbff3c5bc3",
    "settings": {
      "testing": false
    },
    "software": "mriqc",
    "version": "22.0.0rc1",
    "warnings": {
      "large_rot_frame": true,
      "small_air_mask": true
    },
    "webapi_port": null,
    "webapi_url": "https://mriqc.nimh.nih.gov/api/v1"
  },
  "qi_1": 0.0,
  "qi_2": 9.968159968960723e-05,
  "rpve_csf": 29.29148184732369,
  "rpve_gm": 14.759476619537397,
  "rpve_wm": 22.15788159320174,
  "size_x": 240,
  "size_y": 240,
  "size_z": 220,
  "snr_csf": 2.3867475777605343,
  "snr_gm": 7.743159107968191,
  "snr_total": 9.95491287754359,
  "snr_wm": 19.734831946902045,
  "snrd_csf": 18.955652830111234,
  "snrd_gm": 41.54823165771652,
  "snrd_total": 42.52334492958937,
  "snrd_wm": 67.06615030094035,
  "spacing_x": 1.0,
  "spacing_y": 1.0,
  "spacing_z": 1.0,
  "summary_bg_k": 181.98797464121185,
  "summary_bg_mad": 9.768412483208477,
  "summary_bg_mean": 15.570320129394531,
  "summary_bg_median": 13.100608825683594,
  "summary_bg_n": 155973.0,
  "summary_bg_p05": 0.0,
  "summary_bg_p95": 39.05616760253906,
  "summary_bg_stdv": 15.931429862976074,
  "summary_csf_k": -0.948495191746412,
  "summary_csf_mad": 146.9638045725194,
  "summary_csf_mean": 266.22515869140625,
  "summary_csf_median": 282.6383056640625,
  "summary_csf_n": 6138.0,
  "summary_csf_p05": 84.88561935424805,
  "summary_csf_p95": 443.63385925292965,
  "summary_csf_stdv": 118.41020965576172,
  "summary_gm_k": 0.3824906917339437,
  "summary_gm_mad": 74.04034399408151,
  "summary_gm_mean": 623.5924072265625,
  "summary_gm_median": 619.5050048828125,
  "summary_gm_n": 13079.0,
  "summary_gm_p05": 495.930258178711,
  "summary_gm_p95": 761.2255493164062,
  "summary_gm_stdv": 80.00369262695312,
  "summary_wm_k": 1.1819099696547637,
  "summary_wm_mad": 44.843106676594545,
  "summary_wm_mean": 997.339111328125,
  "summary_wm_median": 999.989990234375,
  "summary_wm_n": 172137.0,
  "summary_wm_p05": 908.8281372070312,
  "summary_wm_p95": 1074.286376953125,
  "summary_wm_stdv": 50.671173095703125,
  "tpm_overlap_csf": 0.15825048089027405,
  "tpm_overlap_gm": 0.4343441426753998,
  "tpm_overlap_wm": 0.4945603311061859,
  "wm2max": 0.7273581099864058
}