{
  "bids_meta": {
    "AcquisitionNumber": 4,
    "BidsifyVersion": "0.3.5",
    "ConversionSoftware": "dcm2niix",
    "ConversionSoftwareVersion": "v1.0.20181125  GCC6.3.0",
    "EchoTime": 0.0038,
    "ImageComments": "piop",
    "ImageOrientationPatientDICOM": [
      0.991205,
      0.129341,
      -0.0280075,
      -0.130319,
      0.990802,
      -0.0364431
    ],
    "Manufacturer": "Philips",
    "PatientPosition": "HFS",
    "PhilipsRescaleIntercept": 0,
    "PhilipsRescaleSlope": 9.32552,
    "PhilipsScaleSlope": 0.00759665,
    "ProtocolName": "WIPt13dSENSE",
    "ReconMatrixPE": 240,
    "RepetitionTime": 0.008225,
    "SeriesDescription": "ImageMRSERIES",
    "SeriesNumber": 4,
    "UsePhilipsFloatNotDisplayScaling": 1,
    "dataset": "ds002785",
    "modality": "T1w",
    "subject_id": "0016"
  },
  "cjv": 0.3112550055514214,
  "cnr": 4.010922547415459,
  "efc": 0.7754487622320732,
  "fber": 729.379638671875,
  "fwhm_avg": 3.5277967334828815,
  "fwhm_x": 3.48547,
  "fwhm_y": 3.73495,
  "fwhm_z": 3.362970200448644,
  "icvs_csf": 0.19037254992490454,
  "icvs_gm": 0.4570933764479096,
  "icvs_wm": 0.35253407362718586,
  "inu_med": 1.8957711458206177,
  "inu_range": 0.5413874387741089,
  "provenance": {
    "md5sum": "bdb9db22d51b7afd42363cf178c2631c",
    "settings": {
      "testing": false
    },
    "software": "mriqc",
    "version": "22.0.0rc1",
    "warnings": {
      "large_rot_frame": true,
      "small_air_mask": true
    },
    "webapi_port": null,
    "webapi_url": "https://mriqc.nimh.nih.gov/api/v1"
  },
  "qi_1": 0.0,
  "qi_2": 0.00013135717988972846,
  "rpve_csf": 30.079004580079644,
  "rpve_gm": 14.192642213351524,
  "rpve_wm": 21.97052187013929,
  "size_x": 240,
  "size_y": 240,
  "size_z": 220,
  "snr_csf": 1.754352553027509,
  "snr_gm": 7.323184339808258,
  "snr_total": 9.463156188808432,
  "snr_wm": 19.31193167358953,
  "snrd_csf": 16.151625472511398,
  "snrd_gm": 42.787018063677294,
  "snrd_total": 43.18660794449048,
  "snrd_wm": 70.62118029728276,
  "spacing_x": 1.0,
  "spacing_y": 1.0,
  "spacing_z": 0.9999999403953552,
  "summary_bg_k": 18.45113106532297,
  "summary_bg_mad": 9.276631431546694,
  "summary_bg_mean": 15.147480964660645,
  "summary_bg_median": 12.405354499816895,
  "summary_bg_n": 187177.0,
  "summary_bg_p05": 0.0,
  "summary_bg_p95": 36.973690795898435,
  "summary_bg_stdv": 11.415654182434082,
  "summary_csf_k": 10.113601869565338,
  "summary_csf_mad": 145.08937693860062,
  "summary_csf_mean": 246.25747680664062,
  "summary_csf_median": 228.70455932617188,
  "summary_csf_n": 6776.0,
  "summary_csf_p05": 80.10397720336914,
  "summary_csf_p95": 446.4895248413086,
  "summary_csf_stdv": 130.35446166992188,
  "summary_gm_k": 0.4882021751797807,
  "summary_gm_mad": 76.89175617707838,
  "summary_gm_mean": 611.5896606445312,
  "summary_gm_median": 605.857666015625,
  "summary_gm_n": 22154.0,
  "summary_gm_p05": 484.0822265625,
  "summary_gm_p95": 758.2543518066407,
  "summary_gm_stdv": 82.72958374023438,
  "summary_wm_k": 1.1876582095132813,
  "summary_wm_mad": 45.78240178328938,
  "summary_wm_mean": 995.9974975585938,
  "summary_wm_median": 999.9851684570312,
  "summary_wm_n": 176347.0,
  "summary_wm_p05": 903.3841186523438,
  "summary_wm_p95": 1072.612353515625,
  "summary_wm_stdv": 51.78054428100586,
  "tpm_overlap_csf": 0.16654659807682037,
  "tpm_overlap_gm": 0.4568421244621277,
  "tpm_overlap_wm": 0.49504125118255615,
  "wm2max": 0.6942574596612127
}