{
  "aor": 0.0022808979591836735,
  "aqi": 0.004985382897959184,
  "bids_meta": {
    "AcquisitionNumber": 3,
    "BidsifyVersion": "0.3.5",
    "ConversionSoftware": "dcm2niix",
    "ConversionSoftwareVersion": "v1.0.20181125  GCC6.3.0",
    "EchoTime": 0.02762,
    "EffectiveEchoSpacing": 0.0006621159151938905,
    "ImageComments": "Piop",
    "ImageOrientationPatientDICOM": [
      0.999253,
      0.034455,
      -0.0174776,
      -0.0378635,
      0.963296,
      -0.265758
    ],
    "Manufacturer": "Philips",
    "NumberOfVolumesDiscardedByScanner": 2,
    "ParallelAcquisitionTechnique": "SENSE",
    "ParallelReductionFactorInPlane": 2,
    "PatientPosition": "HFS",
    "PhaseEncodingDirection": "j",
    "PhilipsRescaleIntercept": 0,
    "PhilipsRescaleSlope": 0.79634,
    "PhilipsScaleSlope": 0.054906,
    "ProtocolName": "WIPpiopgstroopSENSE",
    "PulseSequenceType": "gradient echo EPI",
    "ReconMatrixPE": 80,
    "RepetitionTime": 2,
    "SeriesDescription": "ImageMRSERIES",
    "SeriesNumber": 3,
    "SliceEncodingDirection": "k",
    "SliceTiming": [
      0.0,
      0.0541,
      0.1081,
      0.1622,
      0.2162,
      0.2703,
      0.3243,
      0.3784,
      0.4324,
      0.4865,
      0.5405,
      0.5946,
      0.6486,
      0.7027,
      0.7568,
      0.8108,
      0.8649,
      0.9189,
      0.973,
      1.027,
      1.0811,
      1.1351,
      1.1892,
      1.2432,
      1.2973,
      1.3514,
      1.4054,
      1.4595,
      1.5135,
      1.5676,
      1.6216,
      1.6757,
      1.7297,
      1.7838,
      1.8378,
      1.8919,
      1.9459
    ],
    "TaskName": "gstroop",
    "TotalReadoutTime": 0.025822520692561732,
    "UsePhilipsFloatNotDisplayScaling": 1,
    "acq_id": "seq",
    "dataset": "ds002785",
    "modality": "bold",
    "subject_id": "0143",
    "task_id": "gstroop"
  },
  "dummy_trs": 0,
  "dvars_nstd": 22.93363979209017,
  "dvars_std": 1.2915493244672134,
  "dvars_vstd": 1.0129799991803277,
  "efc": 0.43339961528833304,
  "fber": 132212.671875,
  "fd_mean": 0.09698268916563209,
  "fd_num": 13,
  "fd_perc": 5.3061224489795915,
  "fwhm_avg": 1.7589143514461858,
  "fwhm_x": 1.7075733333333334,
  "fwhm_y": 1.9057666666666666,
  "fwhm_z": 1.6634030543385572,
  "gcor": 0.0461882,
  "gsr_x": -0.019921431317925453,
  "gsr_y": 0.016216976568102837,
  "provenance": {
    "md5sum": "c6ac82a00dbc0787182459a294e8e14f",
    "settings": {
      "fd_thres": 0.2,
      "testing": false
    },
    "software": "mriqc",
    "version": "22.0.0rc1",
    "webapi_port": null,
    "webapi_url": "https://mriqc.nimh.nih.gov/api/v1"
  },
  "size_t": 245,
  "size_x": 80,
  "size_y": 80,
  "size_z": 37,
  "snr": 5.732541136134712,
  "spacing_tr": 2.0,
  "spacing_x": 3.0,
  "spacing_y": 3.0,
  "spacing_z": 3.299999952316284,
  "summary_bg_k": 37.47134127748755,
  "summary_bg_mad": 78.96080702397633,
  "summary_bg_mean": 767.939697265625,
  "summary_bg_median": 74.28406524658203,
  "summary_bg_n": 160245.0,
  "summary_bg_p05": 8.34963130950928,
  "summary_bg_p95": 4258.708886718747,
  "summary_bg_stdv": 2115.28515625,
  "summary_fg_k": 1.7724574872444547,
  "summary_fg_mad": 4776.608445959919,
  "summary_fg_mean": 27765.1015625,
  "summary_fg_median": 27507.375,
  "summary_fg_n": 35072.0,
  "summary_fg_p05": 20795.73583984375,
  "summary_fg_p95": 35274.5544921875,
  "summary_fg_stdv": 4798.392578125,
  "tsnr": 77.05763244628906
}