{
  "aor": 0.002682291666666667,
  "aqi": 0.019297826166666664,
  "bids_meta": {
    "AcquisitionNumber": 6,
    "BidsifyVersion": "0.3.5",
    "ConversionSoftware": "dcm2niix",
    "ConversionSoftwareVersion": "v1.0.20181125  GCC6.3.0",
    "EchoTime": 0.02762,
    "EffectiveEchoSpacing": 0.0006333282667071997,
    "ImageComments": "Piop",
    "ImageOrientationPatientDICOM": [
      0.999253,
      0.034455,
      -0.0174776,
      -0.0378635,
      0.963296,
      -0.265758
    ],
    "Manufacturer": "Philips",
    "NumberOfVolumesDiscardedByScanner": 2,
    "ParallelAcquisitionTechnique": "SENSE",
    "ParallelReductionFactorInPlane": 2,
    "PatientPosition": "HFS",
    "PhaseEncodingDirection": "j",
    "PhilipsRescaleIntercept": 0,
    "PhilipsRescaleSlope": 0.7663,
    "PhilipsScaleSlope": 0.0932673,
    "ProtocolName": "WIPpioprsSENSE",
    "PulseSequenceType": "gradient echo EPI",
    "ReconMatrixPE": 80,
    "RepetitionTime": 0.75,
    "SeriesDescription": "ImageMRSERIES",
    "SeriesNumber": 6,
    "SliceEncodingDirection": "k",
    "SliceTiming": [
      0.0,
      0.06755050505050506,
      0.1351010101010101,
      0.20265151515151517,
      0.2702020202020202,
      0.3377525252525253,
      0.40530303030303033,
      0.47285353535353536,
      0.5404040404040404,
      0.6079545454545455,
      0.6755050505050506,
      0.7430555555555556,
      0.0,
      0.06755050505050506,
      0.1351010101010101,
      0.20265151515151517,
      0.2702020202020202,
      0.3377525252525253,
      0.40530303030303033,
      0.47285353535353536,
      0.5404040404040404,
      0.6079545454545455,
      0.6755050505050506,
      0.7430555555555556,
      0.0,
      0.06755050505050506,
      0.1351010101010101,
      0.20265151515151517,
      0.2702020202020202,
      0.3377525252525253,
      0.40530303030303033,
      0.47285353535353536,
      0.5404040404040404,
      0.6079545454545455,
      0.6755050505050506,
      0.7430555555555556
    ],
    "TaskName": "restingstate",
    "TotalReadoutTime": 0.024699802401580786,
    "UsePhilipsFloatNotDisplayScaling": 1,
    "acq_id": "mb3",
    "dataset": "ds002785",
    "modality": "bold",
    "subject_id": "0143",
    "task_id": "restingstate"
  },
  "dummy_trs": 0,
  "dvars_nstd": 28.222430067787045,
  "dvars_std": 1.078602601231732,
  "dvars_vstd": 1.0030347392066812,
  "efc": 0.4431671818214475,
  "fber": 118821.234375,
  "fd_mean": 0.1724097291959487,
  "fd_num": 93,
  "fd_perc": 19.375,
  "fwhm_avg": 1.8008903111438765,
  "fwhm_x": 1.7587566666666667,
  "fwhm_y": 1.95939,
  "fwhm_z": 1.6845242667649627,
  "gcor": 0.023987,
  "gsr_x": -0.022142533212900162,
  "gsr_y": 0.015192488208413124,
  "provenance": {
    "md5sum": "3f931b5e48a85dfa3b7ae86b18535303",
    "settings": {
      "fd_thres": 0.2,
      "testing": false
    },
    "software": "mriqc",
    "version": "22.0.0rc1",
    "webapi_port": null,
    "webapi_url": "https://mriqc.nimh.nih.gov/api/v1"
  },
  "size_t": 480,
  "size_x": 80,
  "size_y": 80,
  "size_z": 36,
  "snr": 6.785806965295346,
  "spacing_tr": 0.75,
  "spacing_x": 3.0,
  "spacing_y": 3.0,
  "spacing_z": 3.299999952316284,
  "summary_bg_k": 28.12161933350019,
  "summary_bg_mad": 64.72180893261316,
  "summary_bg_mean": 592.1522827148438,
  "summary_bg_median": 54.977195739746094,
  "summary_bg_n": 155002.0,
  "summary_bg_p05": 5.021789407730103,
  "summary_bg_p95": 3254.9661499023396,
  "summary_bg_stdv": 1520.568359375,
  "summary_fg_k": 1.316248292167832,
  "summary_fg_mad": 2745.1075045421144,
  "summary_fg_mean": 19426.12890625,
  "summary_fg_median": 19386.33203125,
  "summary_fg_n": 34555.0,
  "summary_fg_p05": 14968.0443359375,
  "summary_fg_p95": 23950.140624999996,
  "summary_fg_stdv": 2856.852783203125,
  "tsnr": 38.33993911743164
}