{
  "aor": 0.0003518181818181818,
  "aqi": 0.006568718575757576,
  "bids_meta": {
    "AcquisitionNumber": 2,
    "BidsifyVersion": "0.3.5",
    "ConversionSoftware": "dcm2niix",
    "ConversionSoftwareVersion": "v1.0.20181125  GCC6.3.0",
    "EchoTime": 0.02762,
    "EffectiveEchoSpacing": 0.0006333282667071997,
    "ImageComments": "Piop",
    "ImageOrientationPatientDICOM": [
      0.999253,
      0.034455,
      -0.0174776,
      -0.0378635,
      0.963296,
      -0.265758
    ],
    "Manufacturer": "Philips",
    "NumberOfVolumesDiscardedByScanner": 2,
    "ParallelAcquisitionTechnique": "SENSE",
    "ParallelReductionFactorInPlane": 2,
    "PatientPosition": "HFS",
    "PhaseEncodingDirection": "j",
    "PhilipsRescaleIntercept": 0,
    "PhilipsRescaleSlope": 0.80659,
    "PhilipsScaleSlope": 0.0884955,
    "ProtocolName": "WIPpiopfacesSENSE",
    "PulseSequenceType": "gradient echo EPI",
    "ReconMatrixPE": 80,
    "RepetitionTime": 0.75,
    "SeriesDescription": "ImageMRSERIES",
    "SeriesNumber": 2,
    "SliceEncodingDirection": "k",
    "SliceTiming": [
      0.0,
      0.06755050505050506,
      0.1351010101010101,
      0.20265151515151517,
      0.2702020202020202,
      0.3377525252525253,
      0.40530303030303033,
      0.47285353535353536,
      0.5404040404040404,
      0.6079545454545455,
      0.6755050505050506,
      0.7430555555555556,
      0.0,
      0.06755050505050506,
      0.1351010101010101,
      0.20265151515151517,
      0.2702020202020202,
      0.3377525252525253,
      0.40530303030303033,
      0.47285353535353536,
      0.5404040404040404,
      0.6079545454545455,
      0.6755050505050506,
      0.7430555555555556,
      0.0,
      0.06755050505050506,
      0.1351010101010101,
      0.20265151515151517,
      0.2702020202020202,
      0.3377525252525253,
      0.40530303030303033,
      0.47285353535353536,
      0.5404040404040404,
      0.6079545454545455,
      0.6755050505050506,
      0.7430555555555556
    ],
    "TaskName": "faces",
    "TotalReadoutTime": 0.024699802401580786,
    "UsePhilipsFloatNotDisplayScaling": 1,
    "acq_id": "mb3",
    "dataset": "ds002785",
    "modality": "bold",
    "subject_id": "0143",
    "task_id": "faces"
  },
  "dummy_trs": 0,
  "dvars_nstd": 23.070638221641342,
  "dvars_std": 1.1037110501823708,
  "dvars_vstd": 1.0064478183586623,
  "efc": 0.4417361573708913,
  "fber": 137610.578125,
  "fd_mean": 0.12676978202026123,
  "fd_num": 36,
  "fd_perc": 10.909090909090908,
  "fwhm_avg": 1.989617526381018,
  "fwhm_x": 1.9880633333333335,
  "fwhm_y": 2.1941133333333336,
  "fwhm_z": 1.7866759124763874,
  "gcor": 0.0223521,
  "gsr_x": -0.02260962873697281,
  "gsr_y": 0.01570880226790905,
  "provenance": {
    "md5sum": "3e01f59c041b04359087345edc780299",
    "settings": {
      "fd_thres": 0.2,
      "testing": false
    },
    "software": "mriqc",
    "version": "22.0.0rc1",
    "webapi_port": null,
    "webapi_url": "https://mriqc.nimh.nih.gov/api/v1"
  },
  "size_t": 330,
  "size_x": 80,
  "size_y": 80,
  "size_z": 36,
  "snr": 6.731552559056269,
  "spacing_tr": 0.75,
  "spacing_x": 3.0,
  "spacing_y": 3.0,
  "spacing_z": 3.299999713897705,
  "summary_bg_k": 28.38695227743026,
  "summary_bg_mad": 57.24102725699418,
  "summary_bg_mean": 566.8302612304688,
  "summary_bg_median": 52.11031723022461,
  "summary_bg_n": 155156.0,
  "summary_bg_p05": 6.330231070518494,
  "summary_bg_p95": 3101.4329833984375,
  "summary_bg_stdv": 1426.8370361328125,
  "summary_fg_k": 0.8534900853584282,
  "summary_fg_mad": 2858.1327580435022,
  "summary_fg_mean": 19790.08203125,
  "summary_fg_median": 19775.615234375,
  "summary_fg_n": 34579.0,
  "summary_fg_p05": 15088.79287109375,
  "summary_fg_p95": 24471.924609375,
  "summary_fg_stdv": 2937.70703125,
  "tsnr": 64.09136199951172
}