{
  "aor": 0.0165901,
  "aqi": 0.019037832200000004,
  "bids_meta": {
    "AcquisitionNumber": 9,
    "BidsifyVersion": "0.3.5",
    "ConversionSoftware": "dcm2niix",
    "ConversionSoftwareVersion": "v1.0.20181125  GCC6.3.0",
    "EchoTime": 0.02762,
    "EffectiveEchoSpacing": 0.0006621159151938905,
    "ImageComments": "Piop",
    "ImageOrientationPatientDICOM": [
      0.999253,
      0.034455,
      -0.0174776,
      -0.0378635,
      0.963296,
      -0.265758
    ],
    "Manufacturer": "Philips",
    "NumberOfVolumesDiscardedByScanner": 2,
    "ParallelAcquisitionTechnique": "SENSE",
    "ParallelReductionFactorInPlane": 2,
    "PatientPosition": "HFS",
    "PhaseEncodingDirection": "j",
    "PhilipsRescaleIntercept": 0,
    "PhilipsRescaleSlope": 0.83443,
    "PhilipsScaleSlope": 0.0552883,
    "ProtocolName": "WIPpiopanticipatieSENSE",
    "PulseSequenceType": "gradient echo EPI",
    "ReconMatrixPE": 80,
    "RepetitionTime": 2,
    "SeriesDescription": "ImageMRSERIES",
    "SeriesNumber": 9,
    "SliceEncodingDirection": "k",
    "SliceTiming": [
      0.0,
      0.0541,
      0.1081,
      0.1622,
      0.2162,
      0.2703,
      0.3243,
      0.3784,
      0.4324,
      0.4865,
      0.5405,
      0.5946,
      0.6486,
      0.7027,
      0.7568,
      0.8108,
      0.8649,
      0.9189,
      0.973,
      1.027,
      1.0811,
      1.1351,
      1.1892,
      1.2432,
      1.2973,
      1.3514,
      1.4054,
      1.4595,
      1.5135,
      1.5676,
      1.6216,
      1.6757,
      1.7297,
      1.7838,
      1.8378,
      1.8919,
      1.9459
    ],
    "TaskName": "anticipation",
    "TotalReadoutTime": 0.025822520692561732,
    "UsePhilipsFloatNotDisplayScaling": 1,
    "acq_id": "seq",
    "dataset": "ds002785",
    "modality": "bold",
    "subject_id": "0143",
    "task_id": "anticipation"
  },
  "dummy_trs": 0,
  "dvars_nstd": 37.70400959768844,
  "dvars_std": 1.231405186281407,
  "dvars_vstd": 1.066853391206031,
  "efc": 0.4376308606186151,
  "fber": 119664.34375,
  "fd_mean": 0.53961487061075,
  "fd_num": 95,
  "fd_perc": 47.5,
  "fwhm_avg": 1.7646602099921838,
  "fwhm_x": 1.7261966666666666,
  "fwhm_y": 1.9126566666666667,
  "fwhm_z": 1.655127296643218,
  "gcor": 0.0390562,
  "gsr_x": -0.02150406315922737,
  "gsr_y": 0.01870347000658512,
  "provenance": {
    "md5sum": "a2da3a5b518786f7b8af2cc977aaab3f",
    "settings": {
      "fd_thres": 0.2,
      "testing": false
    },
    "software": "mriqc",
    "version": "22.0.0rc1",
    "webapi_port": null,
    "webapi_url": "https://mriqc.nimh.nih.gov/api/v1"
  },
  "size_t": 200,
  "size_x": 80,
  "size_y": 80,
  "size_z": 37,
  "snr": 5.729390483758798,
  "spacing_tr": 2.0,
  "spacing_x": 3.0,
  "spacing_y": 3.0,
  "spacing_z": 3.299999952316284,
  "summary_bg_k": 31.640199830465363,
  "summary_bg_mad": 81.06062193477642,
  "summary_bg_mean": 799.983642578125,
  "summary_bg_median": 75.5199966430664,
  "summary_bg_n": 160218.0,
  "summary_bg_p05": 9.63750309944153,
  "summary_bg_p95": 4478.8363769531215,
  "summary_bg_stdv": 2123.497802734375,
  "summary_fg_k": 1.6396112988767255,
  "summary_fg_mad": 4606.114982246691,
  "summary_fg_mean": 26783.171875,
  "summary_fg_median": 26553.37109375,
  "summary_fg_n": 35253.0,
  "summary_fg_p05": 19991.43203125,
  "summary_fg_p95": 34056.44609375,
  "summary_fg_stdv": 4634.5234375,
  "tsnr": 38.57731628417969
}