{
  "aor": 0.022570246913580245,
  "aqi": 0.011011780679012347,
  "bids_meta": {
    "AcquisitionNumber": 8,
    "BidsifyVersion": "0.3.5",
    "ConversionSoftware": "dcm2niix",
    "ConversionSoftwareVersion": "v1.0.20181125  GCC6.3.0",
    "EchoTime": 0.02762,
    "EffectiveEchoSpacing": 0.0006621159151938905,
    "ImageComments": "Piop",
    "ImageOrientationPatientDICOM": [
      0.999253,
      0.034455,
      -0.0174776,
      -0.0378635,
      0.963296,
      -0.265758
    ],
    "Manufacturer": "Philips",
    "NumberOfVolumesDiscardedByScanner": 2,
    "ParallelAcquisitionTechnique": "SENSE",
    "ParallelReductionFactorInPlane": 2,
    "PatientPosition": "HFS",
    "PhaseEncodingDirection": "j",
    "PhilipsRescaleIntercept": 0,
    "PhilipsRescaleSlope": 0.7663,
    "PhilipsScaleSlope": 0.0561203,
    "ProtocolName": "WIPpiopwmSENSE",
    "PulseSequenceType": "gradient echo EPI",
    "ReconMatrixPE": 80,
    "RepetitionTime": 2,
    "SeriesDescription": "ImageMRSERIES",
    "SeriesNumber": 8,
    "SliceEncodingDirection": "k",
    "SliceTiming": [
      0.0,
      0.0541,
      0.1081,
      0.1622,
      0.2162,
      0.2703,
      0.3243,
      0.3784,
      0.4324,
      0.4865,
      0.5405,
      0.5946,
      0.6486,
      0.7027,
      0.7568,
      0.8108,
      0.8649,
      0.9189,
      0.973,
      1.027,
      1.0811,
      1.1351,
      1.1892,
      1.2432,
      1.2973,
      1.3514,
      1.4054,
      1.4595,
      1.5135,
      1.5676,
      1.6216,
      1.6757,
      1.7297,
      1.7838,
      1.8378,
      1.8919,
      1.9459
    ],
    "TaskName": "workingmemory",
    "TotalReadoutTime": 0.025822520692561732,
    "UsePhilipsFloatNotDisplayScaling": 1,
    "acq_id": "seq",
    "dataset": "ds002785",
    "modality": "bold",
    "subject_id": "0143",
    "task_id": "workingmemory"
  },
  "dummy_trs": 0,
  "dvars_nstd": 30.138264057950305,
  "dvars_std": 1.3848640797515523,
  "dvars_vstd": 1.183722849627329,
  "efc": 0.435902880141383,
  "fber": 126196.296875,
  "fd_mean": 0.3020086034494181,
  "fd_num": 54,
  "fd_perc": 33.333333333333336,
  "fwhm_avg": 1.76695051304781,
  "fwhm_x": 1.7254933333333333,
  "fwhm_y": 1.9149733333333332,
  "fwhm_z": 1.6603848724767636,
  "gcor": 0.0399088,
  "gsr_x": -0.02078755386173725,
  "gsr_y": 0.01743490807712078,
  "provenance": {
    "md5sum": "074a61c5cf401d2079a299342e4a7897",
    "settings": {
      "fd_thres": 0.2,
      "testing": false
    },
    "software": "mriqc",
    "version": "22.0.0rc1",
    "webapi_port": null,
    "webapi_url": "https://mriqc.nimh.nih.gov/api/v1"
  },
  "size_t": 162,
  "size_x": 80,
  "size_y": 80,
  "size_z": 37,
  "snr": 5.68694649589624,
  "spacing_tr": 2.0,
  "spacing_x": 3.0,
  "spacing_y": 3.0,
  "spacing_z": 3.299999952316284,
  "summary_bg_k": 33.18793485762261,
  "summary_bg_mad": 80.54005913457195,
  "summary_bg_mean": 801.3331298828125,
  "summary_bg_median": 74.85702514648438,
  "summary_bg_n": 160303.0,
  "summary_bg_p05": 8.89345703125,
  "summary_bg_p95": 4519.967773437499,
  "summary_bg_stdv": 2150.906982421875,
  "summary_fg_k": 1.6316809342245433,
  "summary_fg_mad": 4731.31378990159,
  "summary_fg_mean": 27243.39453125,
  "summary_fg_median": 27002.298828125,
  "summary_fg_n": 35041.0,
  "summary_fg_p05": 20326.31640625,
  "summary_fg_p95": 34658.51171875,
  "summary_fg_stdv": 4748.05126953125,
  "tsnr": 50.71080017089844
}