{
  "bids_meta": {
    "AcquisitionNumber": 4,
    "BidsifyVersion": "0.3.5",
    "ConversionSoftware": "dcm2niix",
    "ConversionSoftwareVersion": "v1.0.20181125  GCC6.3.0",
    "EchoTime": 0.00378,
    "ImageComments": "piop",
    "ImageOrientationPatientDICOM": [
      0.999003,
      0.0371479,
      0.0247587,
      -0.0394256,
      0.994312,
      0.0989414
    ],
    "Manufacturer": "Philips",
    "PatientPosition": "HFS",
    "PhilipsRescaleIntercept": 0,
    "PhilipsRescaleSlope": 9.56557,
    "PhilipsScaleSlope": 0.00769055,
    "ProtocolName": "WIPt13dSENSE",
    "ReconMatrixPE": 240,
    "RepetitionTime": 0.008229,
    "SeriesDescription": "ImageMRSERIES",
    "SeriesNumber": 4,
    "UsePhilipsFloatNotDisplayScaling": 1,
    "dataset": "ds002785",
    "modality": "T1w",
    "subject_id": "0117"
  },
  "cjv": 0.3247014077011363,
  "cnr": 3.9518686780157988,
  "efc": 0.7592819887776683,
  "fber": 772.9978637695312,
  "fwhm_avg": 3.4657534025768477,
  "fwhm_x": 3.485140207730544,
  "fwhm_y": 3.60462,
  "fwhm_z": 3.3075,
  "icvs_csf": 0.2264418515633223,
  "icvs_gm": 0.41509295244519084,
  "icvs_wm": 0.3584651959914869,
  "inu_med": 1.9511163234710693,
  "inu_range": 0.4239340364933013,
  "provenance": {
    "md5sum": "4eca3fd2a5003e62e815d15a2d592104",
    "settings": {
      "testing": false
    },
    "software": "mriqc",
    "version": "22.0.0rc1",
    "warnings": {
      "large_rot_frame": true,
      "small_air_mask": true
    },
    "webapi_port": null,
    "webapi_url": "https://mriqc.nimh.nih.gov/api/v1"
  },
  "qi_1": 0.0,
  "qi_2": 0.0001542658258561638,
  "rpve_csf": 27.281525015854815,
  "rpve_gm": 15.151536758268277,
  "rpve_wm": 22.867495056868684,
  "size_x": 240,
  "size_y": 240,
  "size_z": 220,
  "snr_csf": 3.1952571991799137,
  "snr_gm": 7.783996828738693,
  "snr_total": 10.439158845547448,
  "snr_wm": 20.338222508723735,
  "snrd_csf": 24.275407433382235,
  "snrd_gm": 46.78957229775616,
  "snrd_total": 48.61935853379461,
  "snrd_wm": 74.79309587024544,
  "spacing_x": 0.9999999403953552,
  "spacing_y": 1.0,
  "spacing_z": 1.0,
  "summary_bg_k": 2.6985857066102685,
  "summary_bg_mad": 8.759210360820596,
  "summary_bg_mean": 12.669384956359863,
  "summary_bg_median": 11.762419700622559,
  "summary_bg_n": 141719.0,
  "summary_bg_p05": 0.0,
  "summary_bg_p95": 30.111660957336426,
  "summary_bg_stdv": 10.006570816040039,
  "summary_csf_k": 4.221426846927675,
  "summary_csf_mad": 87.41634066953465,
  "summary_csf_mean": 306.6658630371094,
  "summary_csf_median": 324.5635681152344,
  "summary_csf_n": 6831.0,
  "summary_csf_p05": 110.13265609741211,
  "summary_csf_p95": 441.9770050048828,
  "summary_csf_stdv": 101.56922912597656,
  "summary_gm_k": 0.1843455953458215,
  "summary_gm_mad": 77.11902396710383,
  "summary_gm_mean": 627.34912109375,
  "summary_gm_median": 625.5792236328125,
  "summary_gm_n": 15017.0,
  "summary_gm_p05": 498.7671813964844,
  "summary_gm_p95": 766.2417724609375,
  "summary_gm_stdv": 80.36467742919922,
  "summary_wm_k": 0.9717405357577973,
  "summary_wm_mad": 44.45200518804589,
  "summary_wm_mean": 998.0940551757812,
  "summary_wm_median": 999.9879150390625,
  "summary_wm_n": 174782.0,
  "summary_wm_p05": 914.2578643798828,
  "summary_wm_p95": 1074.910400390625,
  "summary_wm_stdv": 49.16777038574219,
  "tpm_overlap_csf": 0.16175688803195953,
  "tpm_overlap_gm": 0.4383257031440735,
  "tpm_overlap_wm": 0.4995063245296478,
  "wm2max": 0.6789594304694311
}