{
  "aor": 0.02685045,
  "aqi": 0.016163290400000002,
  "bids_meta": {
    "AcquisitionNumber": 9,
    "BidsifyVersion": "0.3.5",
    "ConversionSoftware": "dcm2niix",
    "ConversionSoftwareVersion": "v1.0.20181125  GCC6.3.0",
    "EchoTime": 0.02762,
    "EffectiveEchoSpacing": 0.0006621159151938905,
    "ImageComments": "Piop",
    "ImageOrientationPatientDICOM": [
      0.999296,
      -0.0364681,
      -0.00879517,
      0.0300075,
      0.917765,
      -0.395988
    ],
    "Manufacturer": "Philips",
    "NumberOfVolumesDiscardedByScanner": 2,
    "ParallelAcquisitionTechnique": "SENSE",
    "ParallelReductionFactorInPlane": 2,
    "PatientPosition": "HFS",
    "PhaseEncodingDirection": "j",
    "PhilipsRescaleIntercept": 0,
    "PhilipsRescaleSlope": 0.76166,
    "PhilipsScaleSlope": 0.058653,
    "ProtocolName": "WIPpiopanticipatieSENSE",
    "PulseSequenceType": "gradient echo EPI",
    "ReconMatrixPE": 80,
    "RepetitionTime": 2,
    "SeriesDescription": "ImageMRSERIES",
    "SeriesNumber": 9,
    "SliceEncodingDirection": "k",
    "SliceTiming": [
      0.0,
      0.0541,
      0.1081,
      0.1622,
      0.2162,
      0.2703,
      0.3243,
      0.3784,
      0.4324,
      0.4865,
      0.5405,
      0.5946,
      0.6486,
      0.7027,
      0.7568,
      0.8108,
      0.8649,
      0.9189,
      0.973,
      1.027,
      1.0811,
      1.1351,
      1.1892,
      1.2432,
      1.2973,
      1.3514,
      1.4054,
      1.4595,
      1.5135,
      1.5676,
      1.6216,
      1.6757,
      1.7297,
      1.7838,
      1.8378,
      1.8919,
      1.9459
    ],
    "TaskName": "anticipation",
    "TotalReadoutTime": 0.025822520692561732,
    "UsePhilipsFloatNotDisplayScaling": 1,
    "acq_id": "seq",
    "dataset": "ds002785",
    "modality": "bold",
    "subject_id": "0123",
    "task_id": "anticipation"
  },
  "dummy_trs": 0,
  "dvars_nstd": 28.076490191457292,
  "dvars_std": 1.257973175728643,
  "dvars_vstd": 1.1469696809547738,
  "efc": 0.4713057629703951,
  "fber": 108470.5390625,
  "fd_mean": 0.2569881297467422,
  "fd_num": 78,
  "fd_perc": 39.0,
  "fwhm_avg": 1.8257292002602663,
  "fwhm_x": 1.8027600000000001,
  "fwhm_y": 1.94267,
  "fwhm_z": 1.7317576007807993,
  "gcor": 0.0281999,
  "gsr_x": -0.006519897375255823,
  "gsr_y": 0.02148924581706524,
  "provenance": {
    "md5sum": "614aa3783ff67abd47c6097494888934",
    "settings": {
      "fd_thres": 0.2,
      "testing": false
    },
    "software": "mriqc",
    "version": "22.0.0rc1",
    "webapi_port": null,
    "webapi_url": "https://mriqc.nimh.nih.gov/api/v1"
  },
  "size_t": 200,
  "size_x": 80,
  "size_y": 80,
  "size_z": 37,
  "snr": 4.857463940478121,
  "spacing_tr": 2.0,
  "spacing_x": 3.0,
  "spacing_y": 3.0,
  "spacing_z": 3.299999952316284,
  "summary_bg_k": 16.926534252643304,
  "summary_bg_mad": 69.77183366245946,
  "summary_bg_mean": 816.01513671875,
  "summary_bg_median": 69.8037109375,
  "summary_bg_n": 152132.0,
  "summary_bg_p05": 10.094415092468262,
  "summary_bg_p95": 4839.880175781246,
  "summary_bg_stdv": 1989.477783203125,
  "summary_fg_k": 1.1036317452564157,
  "summary_fg_mad": 4576.28629972164,
  "summary_fg_mean": 24135.234375,
  "summary_fg_median": 23499.671875,
  "summary_fg_n": 42139.0,
  "summary_fg_p05": 17449.1279296875,
  "summary_fg_p95": 32706.001953125,
  "summary_fg_stdv": 4837.79052734375,
  "tsnr": 41.738983154296875
}