{
  "aor": 0.00045334728033472803,
  "aqi": 0.016408692217573226,
  "bids_meta": {
    "AcquisitionNumber": 6,
    "BidsifyVersion": "0.3.5",
    "ConversionSoftware": "dcm2niix",
    "ConversionSoftwareVersion": "v1.0.20181125  GCC6.3.0",
    "EchoTime": 0.02762,
    "EffectiveEchoSpacing": 0.0006333282667071997,
    "ImageComments": "Piop",
    "ImageOrientationPatientDICOM": [
      0.999296,
      -0.0364681,
      -0.00879517,
      0.0300075,
      0.917765,
      -0.395988
    ],
    "Manufacturer": "Philips",
    "NumberOfVolumesDiscardedByScanner": 2,
    "ParallelAcquisitionTechnique": "SENSE",
    "ParallelReductionFactorInPlane": 2,
    "PatientPosition": "HFS",
    "PhaseEncodingDirection": "j",
    "PhilipsRescaleIntercept": 0,
    "PhilipsRescaleSlope": 0.78144,
    "PhilipsScaleSlope": 0.0891818,
    "ProtocolName": "WIPpioprsSENSE",
    "PulseSequenceType": "gradient echo EPI",
    "ReconMatrixPE": 80,
    "RepetitionTime": 0.75,
    "SeriesDescription": "ImageMRSERIES",
    "SeriesNumber": 6,
    "SliceEncodingDirection": "k",
    "SliceTiming": [
      0.0,
      0.06755050505050506,
      0.1351010101010101,
      0.20265151515151517,
      0.2702020202020202,
      0.3377525252525253,
      0.40530303030303033,
      0.47285353535353536,
      0.5404040404040404,
      0.6079545454545455,
      0.6755050505050506,
      0.7430555555555556,
      0.0,
      0.06755050505050506,
      0.1351010101010101,
      0.20265151515151517,
      0.2702020202020202,
      0.3377525252525253,
      0.40530303030303033,
      0.47285353535353536,
      0.5404040404040404,
      0.6079545454545455,
      0.6755050505050506,
      0.7430555555555556,
      0.0,
      0.06755050505050506,
      0.1351010101010101,
      0.20265151515151517,
      0.2702020202020202,
      0.3377525252525253,
      0.40530303030303033,
      0.47285353535353536,
      0.5404040404040404,
      0.6079545454545455,
      0.6755050505050506,
      0.7430555555555556
    ],
    "TaskName": "restingstate",
    "TotalReadoutTime": 0.024699802401580786,
    "UsePhilipsFloatNotDisplayScaling": 1,
    "acq_id": "mb3",
    "dataset": "ds002785",
    "modality": "bold",
    "subject_id": "0123",
    "task_id": "restingstate"
  },
  "dummy_trs": 2,
  "dvars_nstd": 32.290576914821834,
  "dvars_std": 1.0720419444863734,
  "dvars_vstd": 0.9706230932914036,
  "efc": 0.4780536548364954,
  "fber": 100078.1015625,
  "fd_mean": 0.13705759767521014,
  "fd_num": 79,
  "fd_perc": 16.527196652719667,
  "fwhm_avg": 1.8854760691092622,
  "fwhm_x": 1.89121,
  "fwhm_y": 1.9997999999999998,
  "fwhm_z": 1.7654182073277878,
  "gcor": 0.0303537,
  "gsr_x": -0.008525191806256771,
  "gsr_y": 0.019225172698497772,
  "provenance": {
    "md5sum": "9e7e55077c15c5cf907618a560d5ef0c",
    "settings": {
      "fd_thres": 0.2,
      "testing": false
    },
    "software": "mriqc",
    "version": "22.0.0rc1",
    "webapi_port": null,
    "webapi_url": "https://mriqc.nimh.nih.gov/api/v1"
  },
  "size_t": 478,
  "size_x": 80,
  "size_y": 80,
  "size_z": 36,
  "snr": 5.916985664842002,
  "spacing_tr": 0.75,
  "spacing_x": 3.0,
  "spacing_y": 3.0,
  "spacing_z": 3.299999952316284,
  "summary_bg_k": 16.1817717836024,
  "summary_bg_mad": 57.5062093026284,
  "summary_bg_mean": 617.5075073242188,
  "summary_bg_median": 53.83205032348633,
  "summary_bg_n": 147293.0,
  "summary_bg_p05": 6.719975757598877,
  "summary_bg_p95": 3561.512060546874,
  "summary_bg_stdv": 1468.33251953125,
  "summary_fg_k": 0.46840252274138905,
  "summary_fg_mad": 2918.1535343795863,
  "summary_fg_mean": 17793.90625,
  "summary_fg_median": 17591.00390625,
  "summary_fg_n": 41314.0,
  "summary_fg_p05": 13253.399072265625,
  "summary_fg_p95": 22843.884570312497,
  "summary_fg_stdv": 2972.93115234375,
  "tsnr": 38.14182662963867
}