{
  "aor": 0.0014421224489795923,
  "aqi": 0.006701228489795917,
  "bids_meta": {
    "AcquisitionNumber": 3,
    "BidsifyVersion": "0.3.5",
    "ConversionSoftware": "dcm2niix",
    "ConversionSoftwareVersion": "v1.0.20181125  GCC6.3.0",
    "EchoTime": 0.02762,
    "EffectiveEchoSpacing": 0.0006621159151938905,
    "ImageComments": "Piop",
    "ImageOrientationPatientDICOM": [
      0.999296,
      -0.0364681,
      -0.00879517,
      0.0300075,
      0.917765,
      -0.395988
    ],
    "Manufacturer": "Philips",
    "NumberOfVolumesDiscardedByScanner": 2,
    "ParallelAcquisitionTechnique": "SENSE",
    "ParallelReductionFactorInPlane": 2,
    "PatientPosition": "HFS",
    "PhaseEncodingDirection": "j",
    "PhilipsRescaleIntercept": 0,
    "PhilipsRescaleSlope": 0.74505,
    "PhilipsScaleSlope": 0.0555123,
    "ProtocolName": "WIPpiopgstroopSENSE",
    "PulseSequenceType": "gradient echo EPI",
    "ReconMatrixPE": 80,
    "RepetitionTime": 2,
    "SeriesDescription": "ImageMRSERIES",
    "SeriesNumber": 3,
    "SliceEncodingDirection": "k",
    "SliceTiming": [
      0.0,
      0.0541,
      0.1081,
      0.1622,
      0.2162,
      0.2703,
      0.3243,
      0.3784,
      0.4324,
      0.4865,
      0.5405,
      0.5946,
      0.6486,
      0.7027,
      0.7568,
      0.8108,
      0.8649,
      0.9189,
      0.973,
      1.027,
      1.0811,
      1.1351,
      1.1892,
      1.2432,
      1.2973,
      1.3514,
      1.4054,
      1.4595,
      1.5135,
      1.5676,
      1.6216,
      1.6757,
      1.7297,
      1.7838,
      1.8378,
      1.8919,
      1.9459
    ],
    "TaskName": "gstroop",
    "TotalReadoutTime": 0.025822520692561732,
    "UsePhilipsFloatNotDisplayScaling": 1,
    "acq_id": "seq",
    "dataset": "ds002785",
    "modality": "bold",
    "subject_id": "0123",
    "task_id": "gstroop"
  },
  "dummy_trs": 0,
  "dvars_nstd": 23.48212192856558,
  "dvars_std": 1.130804443606557,
  "dvars_vstd": 0.9713103378278689,
  "efc": 0.47012063966997636,
  "fber": 112383.078125,
  "fd_mean": 0.18772631082929575,
  "fd_num": 74,
  "fd_perc": 30.20408163265306,
  "fwhm_avg": 1.8041287961582693,
  "fwhm_x": 1.77845,
  "fwhm_y": 1.9149666666666667,
  "fwhm_z": 1.7189697218081406,
  "gcor": 0.0329048,
  "gsr_x": -0.006277759093791246,
  "gsr_y": 0.021620530635118484,
  "provenance": {
    "md5sum": "daa04e7cec69738ca1df52165bc2539c",
    "settings": {
      "fd_thres": 0.2,
      "testing": false
    },
    "software": "mriqc",
    "version": "22.0.0rc1",
    "webapi_port": null,
    "webapi_url": "https://mriqc.nimh.nih.gov/api/v1"
  },
  "size_t": 245,
  "size_x": 80,
  "size_y": 80,
  "size_z": 37,
  "snr": 4.8511615595922,
  "spacing_tr": 2.0,
  "spacing_x": 3.0,
  "spacing_y": 3.0,
  "spacing_z": 3.299999952316284,
  "summary_bg_k": 17.889003324906163,
  "summary_bg_mad": 72.03788593520005,
  "summary_bg_mean": 809.416259765625,
  "summary_bg_median": 71.0576171875,
  "summary_bg_n": 151875.0,
  "summary_bg_p05": 9.018279075622559,
  "summary_bg_p95": 4778.108300781232,
  "summary_bg_stdv": 1994.8154296875,
  "summary_fg_k": 1.0891505776307326,
  "summary_fg_mad": 4762.381835218674,
  "summary_fg_mean": 25047.748046875,
  "summary_fg_median": 24379.8359375,
  "summary_fg_n": 42328.0,
  "summary_fg_p05": 18123.844921875,
  "summary_fg_p95": 33952.257617187504,
  "summary_fg_stdv": 5025.50732421875,
  "tsnr": 58.159297943115234
}