{
  "aor": 0.003104444444444445,
  "aqi": 0.00382569925925926,
  "bids_meta": {
    "AcquisitionNumber": 5,
    "BidsifyVersion": "0.3.5",
    "ConversionSoftware": "dcm2niix",
    "ConversionSoftwareVersion": "v1.0.20181125  GCC6.3.0",
    "EchoTime": 0.02762,
    "EffectiveEchoSpacing": 0.0006621159151938905,
    "ImageComments": "Piop",
    "ImageOrientationPatientDICOM": [
      0.999296,
      -0.0364681,
      -0.00879517,
      0.0300075,
      0.917765,
      -0.395988
    ],
    "Manufacturer": "Philips",
    "NumberOfVolumesDiscardedByScanner": 2,
    "ParallelAcquisitionTechnique": "SENSE",
    "ParallelReductionFactorInPlane": 2,
    "PatientPosition": "HFS",
    "PhaseEncodingDirection": "j",
    "PhilipsRescaleIntercept": 0,
    "PhilipsRescaleSlope": 0.78217,
    "PhilipsScaleSlope": 0.0555014,
    "ProtocolName": "WIPpiopharririSENSE",
    "PulseSequenceType": "gradient echo EPI",
    "ReconMatrixPE": 80,
    "RepetitionTime": 2,
    "SeriesDescription": "ImageMRSERIES",
    "SeriesNumber": 5,
    "SliceEncodingDirection": "k",
    "SliceTiming": [
      0.0,
      0.0541,
      0.1081,
      0.1622,
      0.2162,
      0.2703,
      0.3243,
      0.3784,
      0.4324,
      0.4865,
      0.5405,
      0.5946,
      0.6486,
      0.7027,
      0.7568,
      0.8108,
      0.8649,
      0.9189,
      0.973,
      1.027,
      1.0811,
      1.1351,
      1.1892,
      1.2432,
      1.2973,
      1.3514,
      1.4054,
      1.4595,
      1.5135,
      1.5676,
      1.6216,
      1.6757,
      1.7297,
      1.7838,
      1.8378,
      1.8919,
      1.9459
    ],
    "TaskName": "emomatching",
    "TotalReadoutTime": 0.025822520692561732,
    "UsePhilipsFloatNotDisplayScaling": 1,
    "acq_id": "seq",
    "dataset": "ds002785",
    "modality": "bold",
    "subject_id": "0123",
    "task_id": "emomatching"
  },
  "dummy_trs": 0,
  "dvars_nstd": 23.347930110671637,
  "dvars_std": 1.192656474029851,
  "dvars_vstd": 1.0252517634328355,
  "efc": 0.46936327485145135,
  "fber": 113901.34375,
  "fd_mean": 0.1704790191195454,
  "fd_num": 29,
  "fd_perc": 21.48148148148148,
  "fwhm_avg": 1.8511809175757499,
  "fwhm_x": 1.8282366666666665,
  "fwhm_y": 1.9637,
  "fwhm_z": 1.761606086060583,
  "gcor": 0.0230332,
  "gsr_x": -0.006505946163088083,
  "gsr_y": 0.021307673305273056,
  "provenance": {
    "md5sum": "2f816d11f26775d6d5cfe2047c3c244e",
    "settings": {
      "fd_thres": 0.2,
      "testing": false
    },
    "software": "mriqc",
    "version": "22.0.0rc1",
    "webapi_port": null,
    "webapi_url": "https://mriqc.nimh.nih.gov/api/v1"
  },
  "size_t": 135,
  "size_x": 80,
  "size_y": 80,
  "size_z": 37,
  "snr": 4.718382079245672,
  "spacing_tr": 2.0,
  "spacing_x": 3.0,
  "spacing_y": 3.0,
  "spacing_z": 3.299999952316284,
  "summary_bg_k": 16.916573055043745,
  "summary_bg_mad": 70.41630107006682,
  "summary_bg_mean": 815.3385009765625,
  "summary_bg_median": 70.113037109375,
  "summary_bg_n": 152072.0,
  "summary_bg_p05": 8.65955810546875,
  "summary_bg_p95": 4872.365356445305,
  "summary_bg_stdv": 2010.566162109375,
  "summary_fg_k": 0.9328399782797852,
  "summary_fg_mad": 4881.563362775809,
  "summary_fg_mean": 24935.515625,
  "summary_fg_median": 24245.5234375,
  "summary_fg_n": 42150.0,
  "summary_fg_p05": 17783.72255859375,
  "summary_fg_p95": 34028.81679687499,
  "summary_fg_stdv": 5138.4638671875,
  "tsnr": 71.79769134521484
}