{
  "aor": 0.0020703703703703704,
  "aqi": 0.008003329382716048,
  "bids_meta": {
    "AcquisitionNumber": 8,
    "BidsifyVersion": "0.3.5",
    "ConversionSoftware": "dcm2niix",
    "ConversionSoftwareVersion": "v1.0.20181125  GCC6.3.0",
    "EchoTime": 0.02762,
    "EffectiveEchoSpacing": 0.0006621159151938905,
    "ImageComments": "Piop",
    "ImageOrientationPatientDICOM": [
      0.999296,
      -0.0364681,
      -0.00879517,
      0.0300075,
      0.917765,
      -0.395988
    ],
    "Manufacturer": "Philips",
    "NumberOfVolumesDiscardedByScanner": 2,
    "ParallelAcquisitionTechnique": "SENSE",
    "ParallelReductionFactorInPlane": 2,
    "PatientPosition": "HFS",
    "PhaseEncodingDirection": "j",
    "PhilipsRescaleIntercept": 0,
    "PhilipsRescaleSlope": 0.74359,
    "PhilipsScaleSlope": 0.0581135,
    "ProtocolName": "WIPpiopwmSENSE",
    "PulseSequenceType": "gradient echo EPI",
    "ReconMatrixPE": 80,
    "RepetitionTime": 2,
    "SeriesDescription": "ImageMRSERIES",
    "SeriesNumber": 8,
    "SliceEncodingDirection": "k",
    "SliceTiming": [
      0.0,
      0.0541,
      0.1081,
      0.1622,
      0.2162,
      0.2703,
      0.3243,
      0.3784,
      0.4324,
      0.4865,
      0.5405,
      0.5946,
      0.6486,
      0.7027,
      0.7568,
      0.8108,
      0.8649,
      0.9189,
      0.973,
      1.027,
      1.0811,
      1.1351,
      1.1892,
      1.2432,
      1.2973,
      1.3514,
      1.4054,
      1.4595,
      1.5135,
      1.5676,
      1.6216,
      1.6757,
      1.7297,
      1.7838,
      1.8378,
      1.8919,
      1.9459
    ],
    "TaskName": "workingmemory",
    "TotalReadoutTime": 0.025822520692561732,
    "UsePhilipsFloatNotDisplayScaling": 1,
    "acq_id": "seq",
    "dataset": "ds002785",
    "modality": "bold",
    "subject_id": "0123",
    "task_id": "workingmemory"
  },
  "dummy_trs": 0,
  "dvars_nstd": 22.98766056832298,
  "dvars_std": 1.0696388410559006,
  "dvars_vstd": 0.9521221725465839,
  "efc": 0.47103336137435264,
  "fber": 105687.921875,
  "fd_mean": 0.16622325666504037,
  "fd_num": 37,
  "fd_perc": 22.839506172839506,
  "fwhm_avg": 1.8339272811185559,
  "fwhm_x": 1.8098833333333333,
  "fwhm_y": 1.9497166666666665,
  "fwhm_z": 1.742181843355668,
  "gcor": 0.0233022,
  "gsr_x": -0.006348276045173407,
  "gsr_y": 0.021356532350182533,
  "provenance": {
    "md5sum": "fcbaf042ad817d0dca8eb4b559221a49",
    "settings": {
      "fd_thres": 0.2,
      "testing": false
    },
    "software": "mriqc",
    "version": "22.0.0rc1",
    "webapi_port": null,
    "webapi_url": "https://mriqc.nimh.nih.gov/api/v1"
  },
  "size_t": 162,
  "size_x": 80,
  "size_y": 80,
  "size_z": 37,
  "snr": 4.7965264599664135,
  "spacing_tr": 2.0,
  "spacing_x": 3.0,
  "spacing_y": 3.0,
  "spacing_z": 3.299999952316284,
  "summary_bg_k": 16.737064350201805,
  "summary_bg_mad": 73.6242387503143,
  "summary_bg_mean": 815.7933349609375,
  "summary_bg_median": 71.2848892211914,
  "summary_bg_n": 152061.0,
  "summary_bg_p05": 9.005157470703125,
  "summary_bg_p95": 4835.81494140625,
  "summary_bg_stdv": 2003.366455078125,
  "summary_fg_k": 1.0544767665352959,
  "summary_fg_mad": 4697.87271232266,
  "summary_fg_mean": 24348.96484375,
  "summary_fg_median": 23704.998046875,
  "summary_fg_n": 42196.0,
  "summary_fg_p05": 17523.68408203125,
  "summary_fg_p95": 33066.138671875,
  "summary_fg_stdv": 4942.05908203125,
  "tsnr": 58.257530212402344
}