{
  "bids_meta": {
    "AcquisitionNumber": 4,
    "BidsifyVersion": "0.3.5",
    "ConversionSoftware": "dcm2niix",
    "ConversionSoftwareVersion": "v1.0.20181125  GCC6.3.0",
    "EchoTime": 0.00379,
    "ImageComments": "Piop",
    "ImageOrientationPatientDICOM": [
      0.994694,
      0.0959242,
      -0.0371917,
      -0.0935008,
      0.993675,
      0.0621888
    ],
    "Manufacturer": "Philips",
    "PatientPosition": "HFS",
    "PhilipsRescaleIntercept": 0,
    "PhilipsRescaleSlope": 8.24615,
    "PhilipsScaleSlope": 0.00719947,
    "ProtocolName": "WIPt13dSENSE",
    "ReconMatrixPE": 240,
    "RepetitionTime": 0.008233,
    "SeriesDescription": "ImageMRSERIES",
    "SeriesNumber": 4,
    "UsePhilipsFloatNotDisplayScaling": 1,
    "dataset": "ds002785",
    "modality": "T1w",
    "subject_id": "0145"
  },
  "cjv": 0.30783167784077786,
  "cnr": 4.126949652646062,
  "efc": 0.7504931111526942,
  "fber": 1915.4268798828125,
  "fwhm_avg": 3.55301,
  "fwhm_x": 3.44879,
  "fwhm_y": 3.79636,
  "fwhm_z": 3.41388,
  "icvs_csf": 0.20092433141055907,
  "icvs_gm": 0.42996450538512593,
  "icvs_wm": 0.36911116320431503,
  "inu_med": 2.018099784851074,
  "inu_range": 0.44675591588020325,
  "provenance": {
    "md5sum": "f20d90f38f7122ca08d290b502661802",
    "settings": {
      "testing": false
    },
    "software": "mriqc",
    "version": "22.0.0rc1",
    "warnings": {
      "large_rot_frame": true,
      "small_air_mask": true
    },
    "webapi_port": null,
    "webapi_url": "https://mriqc.nimh.nih.gov/api/v1"
  },
  "qi_1": 0.0,
  "qi_2": 0.00014022512042770606,
  "rpve_csf": 31.527716558728915,
  "rpve_gm": 16.067918692796354,
  "rpve_wm": 23.79233077315016,
  "size_x": 240,
  "size_y": 240,
  "size_z": 220,
  "snr_csf": 1.7788913227321224,
  "snr_gm": 7.473396841152396,
  "snr_total": 9.902383519707081,
  "snr_wm": 20.454862395236724,
  "snrd_csf": 25.813132830448513,
  "snrd_gm": 51.4008727995012,
  "snrd_total": 53.96944900707208,
  "snrd_wm": 84.69434139126652,
  "spacing_x": 1.0,
  "spacing_y": 1.0,
  "spacing_z": 1.0,
  "summary_bg_k": 3.714326843035092,
  "summary_bg_mad": 7.735138045397566,
  "summary_bg_mean": 11.639598846435547,
  "summary_bg_median": 10.368549346923828,
  "summary_bg_n": 169152.0,
  "summary_bg_p05": 0.0,
  "summary_bg_p95": 31.01082706451416,
  "summary_bg_stdv": 9.413581848144531,
  "summary_csf_k": 35.019199126856265,
  "summary_csf_mad": 121.83970782409628,
  "summary_csf_mean": 292.77471923828125,
  "summary_csf_median": 304.7734069824219,
  "summary_csf_n": 3432.0,
  "summary_csf_p05": 77.72722663879395,
  "summary_csf_p95": 464.81877288818356,
  "summary_csf_stdv": 171.30276489257812,
  "summary_gm_k": 0.11999842370649949,
  "summary_gm_mad": 78.32499563251058,
  "summary_gm_mean": 609.4902954101562,
  "summary_gm_median": 606.8856201171875,
  "summary_gm_n": 17823.0,
  "summary_gm_p05": 479.92042846679686,
  "summary_gm_p95": 749.8217163085938,
  "summary_gm_stdv": 81.20384979248047,
  "summary_wm_k": 1.309266966019024,
  "summary_wm_mad": 42.68150630461258,
  "summary_wm_mean": 996.8399047851562,
  "summary_wm_median": 999.9786987304688,
  "summary_wm_n": 171700.0,
  "summary_wm_p05": 911.4732788085937,
  "summary_wm_p95": 1070.3763305664063,
  "summary_wm_stdv": 48.88694763183594,
  "tpm_overlap_csf": 0.16700100898742676,
  "tpm_overlap_gm": 0.44519880414009094,
  "tpm_overlap_wm": 0.5081262588500977,
  "wm2max": 0.6803980754649173
}