{
  "aor": 0.0007461212121212121,
  "aqi": 0.0067567802727272735,
  "bids_meta": {
    "AcquisitionNumber": 2,
    "BidsifyVersion": "0.3.5",
    "ConversionSoftware": "dcm2niix",
    "ConversionSoftwareVersion": "v1.0.20181125  GCC6.3.0",
    "EchoTime": 0.02762,
    "EffectiveEchoSpacing": 0.0006333282667071997,
    "ImageComments": "Piop",
    "ImageOrientationPatientDICOM": [
      0.998497,
      -0.0325675,
      -0.0440814,
      0.0202181,
      0.966451,
      -0.256053
    ],
    "Manufacturer": "Philips",
    "NumberOfVolumesDiscardedByScanner": 2,
    "ParallelAcquisitionTechnique": "SENSE",
    "ParallelReductionFactorInPlane": 2,
    "PatientPosition": "HFS",
    "PhaseEncodingDirection": "j",
    "PhilipsRescaleIntercept": 0,
    "PhilipsRescaleSlope": 0.76703,
    "PhilipsScaleSlope": 0.0942712,
    "ProtocolName": "WIPpiopfacesSENSE",
    "PulseSequenceType": "gradient echo EPI",
    "ReconMatrixPE": 80,
    "RepetitionTime": 0.75,
    "SeriesDescription": "ImageMRSERIES",
    "SeriesNumber": 2,
    "SliceEncodingDirection": "k",
    "SliceTiming": [
      0.0,
      0.06755050505050506,
      0.1351010101010101,
      0.20265151515151517,
      0.2702020202020202,
      0.3377525252525253,
      0.40530303030303033,
      0.47285353535353536,
      0.5404040404040404,
      0.6079545454545455,
      0.6755050505050506,
      0.7430555555555556,
      0.0,
      0.06755050505050506,
      0.1351010101010101,
      0.20265151515151517,
      0.2702020202020202,
      0.3377525252525253,
      0.40530303030303033,
      0.47285353535353536,
      0.5404040404040404,
      0.6079545454545455,
      0.6755050505050506,
      0.7430555555555556,
      0.0,
      0.06755050505050506,
      0.1351010101010101,
      0.20265151515151517,
      0.2702020202020202,
      0.3377525252525253,
      0.40530303030303033,
      0.47285353535353536,
      0.5404040404040404,
      0.6079545454545455,
      0.6755050505050506,
      0.7430555555555556
    ],
    "TaskName": "faces",
    "TotalReadoutTime": 0.024699802401580786,
    "UsePhilipsFloatNotDisplayScaling": 1,
    "acq_id": "mb3",
    "dataset": "ds002785",
    "modality": "bold",
    "subject_id": "0065",
    "task_id": "faces"
  },
  "dummy_trs": 0,
  "dvars_nstd": 21.54861252513678,
  "dvars_std": 1.0635735226443772,
  "dvars_vstd": 0.9980594956838897,
  "efc": 0.4292755346235011,
  "fber": 154189.921875,
  "fd_mean": 0.118709660243468,
  "fd_num": 28,
  "fd_perc": 8.484848484848484,
  "fwhm_avg": 2.0702640940914425,
  "fwhm_x": 2.1232466666666667,
  "fwhm_y": 2.2298,
  "fwhm_z": 1.8577456156076617,
  "gcor": 0.014518,
  "gsr_x": -0.011824668385088444,
  "gsr_y": 0.005786687135696411,
  "provenance": {
    "md5sum": "edf1bb2782945f617efb6a8f8f3318de",
    "settings": {
      "fd_thres": 0.2,
      "testing": false
    },
    "software": "mriqc",
    "version": "22.0.0rc1",
    "webapi_port": null,
    "webapi_url": "https://mriqc.nimh.nih.gov/api/v1"
  },
  "size_t": 330,
  "size_x": 80,
  "size_y": 80,
  "size_z": 36,
  "snr": 5.7385098137653365,
  "spacing_tr": 0.75,
  "spacing_x": 3.0,
  "spacing_y": 3.0,
  "spacing_z": 3.299999713897705,
  "summary_bg_k": 45.68580398560722,
  "summary_bg_mad": 46.56048035674654,
  "summary_bg_mean": 416.5724182128906,
  "summary_bg_median": 42.64672088623047,
  "summary_bg_n": 155621.0,
  "summary_bg_p05": 4.003870487213135,
  "summary_bg_p95": 2111.591796875,
  "summary_bg_stdv": 1159.02783203125,
  "summary_fg_k": 0.4677510046189659,
  "summary_fg_mad": 2900.999363398283,
  "summary_fg_mean": 17241.787109375,
  "summary_fg_median": 17006.34375,
  "summary_fg_n": 34163.0,
  "summary_fg_p05": 12780.11005859375,
  "summary_fg_p95": 22286.228320312497,
  "summary_fg_stdv": 2963.503662109375,
  "tsnr": 57.33902359008789
}