{
  "aor": 0.0006004489795918366,
  "aqi": 0.003167818816326531,
  "bids_meta": {
    "AcquisitionNumber": 3,
    "BidsifyVersion": "0.3.5",
    "ConversionSoftware": "dcm2niix",
    "ConversionSoftwareVersion": "v1.0.20181125  GCC6.3.0",
    "EchoTime": 0.02762,
    "ImageComments": "Piop",
    "ImageOrientationPatientDICOM": [
      0.994609,
      0.101467,
      -0.0213965,
      -0.101906,
      0.918186,
      -0.382819
    ],
    "Manufacturer": "Philips",
    "NumberOfVolumesDiscardedByScanner": 2,
    "ParallelAcquisitionTechnique": "SENSE",
    "ParallelReductionFactorInPlane": 2,
    "PatientPosition": "HFS",
    "PhaseEncodingDirection": "j",
    "PhilipsRescaleIntercept": 0,
    "PhilipsRescaleSlope": 0.81099,
    "PhilipsScaleSlope": 0.056354,
    "ProtocolName": "WIPpiopgstroopSENSE",
    "PulseSequenceType": "gradient echo EPI",
    "ReconMatrixPE": 80,
    "RepetitionTime": 2,
    "SeriesDescription": "ImageMRSERIES",
    "SeriesNumber": 3,
    "SliceEncodingDirection": "k",
    "TaskName": "gstroop",
    "UsePhilipsFloatNotDisplayScaling": 1,
    "acq_id": "seq",
    "dataset": "ds002785",
    "modality": "bold",
    "subject_id": "0203",
    "task_id": "gstroop"
  },
  "dummy_trs": 0,
  "dvars_nstd": 20.798582038196717,
  "dvars_std": 1.2451596418442625,
  "dvars_vstd": 0.9989209794672136,
  "efc": 0.4140093164119515,
  "fber": 154930.765625,
  "fd_mean": 0.09556270780814653,
  "fd_num": 9,
  "fd_perc": 3.673469387755102,
  "fwhm_avg": 1.7509998061033987,
  "fwhm_x": 1.68517,
  "fwhm_y": 1.8812233333333335,
  "fwhm_z": 1.6866060849768623,
  "gcor": 0.0812482,
  "gsr_x": -0.031095465645194054,
  "gsr_y": 0.02008376084268093,
  "provenance": {
    "md5sum": "44d944923e71a037f4f87134229d8d09",
    "settings": {
      "fd_thres": 0.2,
      "testing": false
    },
    "software": "mriqc",
    "version": "23.0.1",
    "webapi_port": null,
    "webapi_url": "https://mriqc.nimh.nih.gov/api/v1"
  },
  "size_t": 245,
  "size_x": 80,
  "size_y": 80,
  "size_z": 37,
  "snr": 5.119164551089985,
  "spacing_tr": 2.0,
  "spacing_x": 3.0,
  "spacing_y": 3.0,
  "spacing_z": 3.299999952316284,
  "summary_bg_k": 49.0560930937703,
  "summary_bg_mad": 64.00113266940045,
  "summary_bg_mean": 614.4651489257812,
  "summary_bg_median": 62.6230354309082,
  "summary_bg_n": 163535.0,
  "summary_bg_p05": 7.539866542816163,
  "summary_bg_p95": 2878.943261718748,
  "summary_bg_stdv": 1856.119384765625,
  "summary_fg_k": 1.9318949199863642,
  "summary_fg_mad": 4707.3127186358015,
  "summary_fg_mean": 25608.537109375,
  "summary_fg_median": 25099.89453125,
  "summary_fg_n": 32744.0,
  "summary_fg_p05": 18941.904296875,
  "summary_fg_p95": 33780.9216796875,
  "summary_fg_stdv": 4903.04833984375,
  "tsnr": 80.27438354492188
}