{
  "aor": 0.0009368499999999999,
  "aqi": 0.00427952755,
  "bids_meta": {
    "AcquisitionNumber": 10,
    "BidsifyVersion": "0.3.5",
    "ConversionSoftware": "dcm2niix",
    "ConversionSoftwareVersion": "v1.0.20181125  GCC6.3.0",
    "EchoTime": 0.02762,
    "ImageComments": "Piop",
    "ImageOrientationPatientDICOM": [
      0.994609,
      0.101467,
      -0.0213965,
      -0.101906,
      0.918186,
      -0.382819
    ],
    "Manufacturer": "Philips",
    "NumberOfVolumesDiscardedByScanner": 2,
    "ParallelAcquisitionTechnique": "SENSE",
    "ParallelReductionFactorInPlane": 2,
    "PatientPosition": "HFS",
    "PhaseEncodingDirection": "j",
    "PhilipsRescaleIntercept": 0,
    "PhilipsRescaleSlope": 0.79976,
    "PhilipsScaleSlope": 0.0591819,
    "ProtocolName": "WIPpiopanticipatieSENSE",
    "PulseSequenceType": "gradient echo EPI",
    "ReconMatrixPE": 80,
    "RepetitionTime": 2,
    "SeriesDescription": "ImageMRSERIES",
    "SeriesNumber": 10,
    "SliceEncodingDirection": "k",
    "TaskName": "anticipation",
    "UsePhilipsFloatNotDisplayScaling": 1,
    "acq_id": "seq",
    "dataset": "ds002785",
    "modality": "bold",
    "subject_id": "0203",
    "task_id": "anticipation"
  },
  "dummy_trs": 0,
  "dvars_nstd": 19.362824387236177,
  "dvars_std": 1.1402583859296485,
  "dvars_vstd": 0.9900318362311559,
  "efc": 0.41477235710835203,
  "fber": 149354.90625,
  "fd_mean": 0.11744463993414586,
  "fd_num": 12,
  "fd_perc": 6.0,
  "fwhm_avg": 1.7886942507136923,
  "fwhm_x": 1.7253,
  "fwhm_y": 1.9197433333333331,
  "fwhm_z": 1.7210394188077438,
  "gcor": 0.0185243,
  "gsr_x": -0.030937613919377327,
  "gsr_y": 0.020743384957313538,
  "provenance": {
    "md5sum": "d4ebc7499fb5c5f1670447f17f5bcf15",
    "settings": {
      "fd_thres": 0.2,
      "testing": false
    },
    "software": "mriqc",
    "version": "23.0.1",
    "webapi_port": null,
    "webapi_url": "https://mriqc.nimh.nih.gov/api/v1"
  },
  "size_t": 200,
  "size_x": 80,
  "size_y": 80,
  "size_z": 37,
  "snr": 5.047084971543436,
  "spacing_tr": 2.0,
  "spacing_x": 3.0,
  "spacing_y": 3.0,
  "spacing_z": 3.299999952316284,
  "summary_bg_k": 49.18353191414499,
  "summary_bg_mad": 63.811503420650624,
  "summary_bg_mean": 591.9927978515625,
  "summary_bg_median": 61.820335388183594,
  "summary_bg_n": 163466.0,
  "summary_bg_p05": 7.39153254032135,
  "summary_bg_p95": 2847.2308959960938,
  "summary_bg_stdv": 1732.8863525390625,
  "summary_fg_k": 1.8370018244322308,
  "summary_fg_mad": 4583.224414791053,
  "summary_fg_mean": 24833.44140625,
  "summary_fg_median": 24323.1875,
  "summary_fg_n": 32588.0,
  "summary_fg_p05": 18246.2580078125,
  "summary_fg_p95": 33001.061328125,
  "summary_fg_stdv": 4819.1806640625,
  "tsnr": 74.439453125
}