{
  "aor": 0.0012239506172839506,
  "aqi": 0.004019733271604938,
  "bids_meta": {
    "AcquisitionNumber": 9,
    "BidsifyVersion": "0.3.5",
    "ConversionSoftware": "dcm2niix",
    "ConversionSoftwareVersion": "v1.0.20181125  GCC6.3.0",
    "EchoTime": 0.02762,
    "ImageComments": "Piop",
    "ImageOrientationPatientDICOM": [
      0.994609,
      0.101467,
      -0.0213965,
      -0.101906,
      0.918186,
      -0.382819
    ],
    "Manufacturer": "Philips",
    "NumberOfVolumesDiscardedByScanner": 2,
    "ParallelAcquisitionTechnique": "SENSE",
    "ParallelReductionFactorInPlane": 2,
    "PatientPosition": "HFS",
    "PhaseEncodingDirection": "j",
    "PhilipsRescaleIntercept": 0,
    "PhilipsRescaleSlope": 0.81538,
    "PhilipsScaleSlope": 0.0585721,
    "ProtocolName": "WIPpiopwmSENSE",
    "PulseSequenceType": "gradient echo EPI",
    "ReconMatrixPE": 80,
    "RepetitionTime": 2,
    "SeriesDescription": "ImageMRSERIES",
    "SeriesNumber": 9,
    "SliceEncodingDirection": "k",
    "TaskName": "workingmemory",
    "UsePhilipsFloatNotDisplayScaling": 1,
    "acq_id": "seq",
    "dataset": "ds002785",
    "modality": "bold",
    "subject_id": "0203",
    "task_id": "workingmemory"
  },
  "dummy_trs": 0,
  "dvars_nstd": 18.098762281304346,
  "dvars_std": 1.1362374599378882,
  "dvars_vstd": 1.0044870985093168,
  "efc": 0.41491863258960243,
  "fber": 143089.828125,
  "fd_mean": 0.10827398984500138,
  "fd_num": 8,
  "fd_perc": 4.938271604938271,
  "fwhm_avg": 1.768137785977932,
  "fwhm_x": 1.6987133333333333,
  "fwhm_y": 1.9032,
  "fwhm_z": 1.7025000246004627,
  "gcor": 0.0234355,
  "gsr_x": -0.031123999506235123,
  "gsr_y": 0.020942002534866333,
  "provenance": {
    "md5sum": "809a0b989d2a8e6d109e0eedf4b60759",
    "settings": {
      "fd_thres": 0.2,
      "testing": false
    },
    "software": "mriqc",
    "version": "23.0.1",
    "webapi_port": null,
    "webapi_url": "https://mriqc.nimh.nih.gov/api/v1"
  },
  "size_t": 162,
  "size_x": 80,
  "size_y": 80,
  "size_z": 37,
  "snr": 5.071286998058651,
  "spacing_tr": 2.0,
  "spacing_x": 3.0,
  "spacing_y": 3.0,
  "spacing_z": 3.299999952316284,
  "summary_bg_k": 49.308523461078416,
  "summary_bg_mad": 67.60374057141146,
  "summary_bg_mean": 599.0535278320312,
  "summary_bg_median": 63.29840850830078,
  "summary_bg_n": 163509.0,
  "summary_bg_p05": 6.361033344268799,
  "summary_bg_p95": 2873.2361816406265,
  "summary_bg_stdv": 1765.39794921875,
  "summary_fg_k": 1.787021342142138,
  "summary_fg_mad": 4603.086072245604,
  "summary_fg_mean": 24884.62890625,
  "summary_fg_median": 24381.744140625,
  "summary_fg_n": 32681.0,
  "summary_fg_p05": 18326.3359375,
  "summary_fg_p95": 32988.68359375,
  "summary_fg_stdv": 4807.728515625,
  "tsnr": 76.24335479736328
}