{
  "aor": 0.00017656250000000004,
  "aqi": 0.023936658125000003,
  "bids_meta": {
    "AcquisitionNumber": 7,
    "BidsifyVersion": "0.3.5",
    "ConversionSoftware": "dcm2niix",
    "ConversionSoftwareVersion": "v1.0.20181125  GCC6.3.0",
    "EchoTime": 0.02762,
    "ImageComments": "Piop",
    "ImageOrientationPatientDICOM": [
      0.993975,
      0.107949,
      -0.0190126,
      -0.108156,
      0.937742,
      -0.330065
    ],
    "Manufacturer": "Philips",
    "NumberOfVolumesDiscardedByScanner": 2,
    "ParallelAcquisitionTechnique": "SENSE",
    "ParallelReductionFactorInPlane": 2,
    "PatientPosition": "HFS",
    "PhaseEncodingDirection": "j",
    "PhilipsRescaleIntercept": 0,
    "PhilipsRescaleSlope": 0.84005,
    "PhilipsScaleSlope": 0.0917047,
    "ProtocolName": "WIPpioprsSENSE",
    "PulseSequenceType": "gradient echo EPI",
    "ReconMatrixPE": 80,
    "RepetitionTime": 0.75,
    "SeriesDescription": "ImageMRSERIES",
    "SeriesNumber": 7,
    "SliceEncodingDirection": "k",
    "TaskName": "restingstate",
    "UsePhilipsFloatNotDisplayScaling": 1,
    "acq_id": "mb3",
    "dataset": "ds002785",
    "modality": "bold",
    "subject_id": "0203",
    "task_id": "restingstate"
  },
  "dummy_trs": 0,
  "dvars_nstd": 30.59916739987476,
  "dvars_std": 1.0396471384342376,
  "dvars_vstd": 0.9218468191022964,
  "efc": 0.4199008827378802,
  "fber": 153181.875,
  "fd_mean": 0.11764622507374542,
  "fd_num": 36,
  "fd_perc": 7.5,
  "fwhm_avg": 1.7282620281761478,
  "fwhm_x": 1.6696033333333336,
  "fwhm_y": 1.85961,
  "fwhm_z": 1.6555727511951095,
  "gcor": 0.010679,
  "gsr_x": -0.03067646734416485,
  "gsr_y": 0.020143039524555206,
  "provenance": {
    "md5sum": "7823df4bf25623ea04f75b4e7637b321",
    "settings": {
      "fd_thres": 0.2,
      "testing": false
    },
    "software": "mriqc",
    "version": "23.0.1",
    "webapi_port": null,
    "webapi_url": "https://mriqc.nimh.nih.gov/api/v1"
  },
  "size_t": 480,
  "size_x": 80,
  "size_y": 80,
  "size_z": 36,
  "snr": 6.716820435662051,
  "spacing_tr": 0.75,
  "spacing_x": 3.0,
  "spacing_y": 3.0,
  "spacing_z": 3.299999952316284,
  "summary_bg_k": 45.335066494558795,
  "summary_bg_mad": 51.811897439931045,
  "summary_bg_mean": 432.3386535644531,
  "summary_bg_median": 45.22038269042969,
  "summary_bg_n": 158348.0,
  "summary_bg_p05": 3.927283561229706,
  "summary_bg_p95": 2015.0646606445307,
  "summary_bg_stdv": 1230.718994140625,
  "summary_fg_k": 1.3301034109589231,
  "summary_fg_mad": 2545.387665455103,
  "summary_fg_mean": 18040.126953125,
  "summary_fg_median": 17930.01953125,
  "summary_fg_n": 32121.0,
  "summary_fg_p05": 14058.21484375,
  "summary_fg_p95": 22441.392578125,
  "summary_fg_stdv": 2669.379150390625,
  "tsnr": 36.791561126708984
}