{
  "bids_meta": {
    "AcquisitionNumber": 4,
    "BidsifyVersion": "0.3.5",
    "ConversionSoftware": "dcm2niix",
    "ConversionSoftwareVersion": "v1.0.20181125  GCC6.3.0",
    "EchoTime": 0.00383,
    "ImageComments": "piop",
    "ImageOrientationPatientDICOM": [
      0.999971,
      -0.0071095,
      0.00262189,
      0.00750484,
      0.97702,
      -0.213017
    ],
    "Manufacturer": "Philips",
    "PatientPosition": "HFS",
    "PhilipsRescaleIntercept": 0,
    "PhilipsRescaleSlope": 8.45788,
    "PhilipsScaleSlope": 0.00712169,
    "ProtocolName": "WIPt13dSENSE",
    "ReconMatrixPE": 240,
    "RepetitionTime": 0.008314,
    "SeriesDescription": "ImageMRSERIES",
    "SeriesNumber": 4,
    "UsePhilipsFloatNotDisplayScaling": 1,
    "dataset": "ds002785",
    "modality": "T1w",
    "subject_id": "0169"
  },
  "cjv": 0.29598237770645636,
  "cnr": 4.194714185184399,
  "efc": 0.7710005160541465,
  "fber": 723.7714233398438,
  "fwhm_avg": 3.590853402390484,
  "fwhm_x": 3.51012,
  "fwhm_y": 3.78668,
  "fwhm_z": 3.4757602071714526,
  "icvs_csf": 0.2055136537949092,
  "icvs_gm": 0.43589746747577096,
  "icvs_wm": 0.35858887872931977,
  "inu_med": 3.1312971115112305,
  "inu_range": 0.9164123058319089,
  "provenance": {
    "md5sum": "da86809a0c9ce57510d7d82dd3de5374",
    "settings": {
      "testing": false
    },
    "software": "mriqc",
    "version": "22.0.0rc1",
    "warnings": {
      "large_rot_frame": true,
      "small_air_mask": true
    },
    "webapi_port": null,
    "webapi_url": "https://mriqc.nimh.nih.gov/api/v1"
  },
  "qi_1": 0.0,
  "qi_2": 0.00021672342308402232,
  "rpve_csf": 27.18708215469123,
  "rpve_gm": 13.95718359529519,
  "rpve_wm": 21.361385551155475,
  "size_x": 240,
  "size_y": 240,
  "size_z": 220,
  "snr_csf": 2.021937428544055,
  "snr_gm": 7.755251401813849,
  "snr_total": 9.855363346729492,
  "snr_wm": 19.78890120983057,
  "snrd_csf": 18.604364994514928,
  "snrd_gm": 44.145260023090835,
  "snrd_total": 45.227548543806336,
  "snrd_wm": 72.93302061381326,
  "spacing_x": 1.0,
  "spacing_y": 1.0,
  "spacing_z": 0.9999999403953552,
  "summary_bg_k": 56.857276007153864,
  "summary_bg_mad": 8.982683190486016,
  "summary_bg_mean": 12.760623931884766,
  "summary_bg_median": 12.090657234191895,
  "summary_bg_n": 110916.0,
  "summary_bg_p05": 0.0,
  "summary_bg_p95": 36.377737045288086,
  "summary_bg_stdv": 14.477897644042969,
  "summary_csf_k": -1.1847735553226582,
  "summary_csf_mad": 168.07584208107124,
  "summary_csf_mean": 263.6593322753906,
  "summary_csf_median": 255.0875244140625,
  "summary_csf_n": 5250.0,
  "summary_csf_p05": 85.57720565795898,
  "summary_csf_p95": 452.81932830810547,
  "summary_csf_stdv": 126.14793395996094,
  "summary_gm_k": 0.39915325780864697,
  "summary_gm_mad": 73.0745350659742,
  "summary_gm_mean": 608.3255615234375,
  "summary_gm_median": 605.282958984375,
  "summary_gm_n": 20217.0,
  "summary_gm_p05": 485.1918579101563,
  "summary_gm_p95": 743.8731079101562,
  "summary_gm_stdv": 78.04621124267578,
  "summary_wm_k": 1.6890047748360848,
  "summary_wm_mad": 43.75377772723112,
  "summary_wm_mean": 996.44580078125,
  "summary_wm_median": 999.9967041015625,
  "summary_wm_n": 190058.0,
  "summary_wm_p05": 908.2055053710938,
  "summary_wm_p95": 1070.3108642578125,
  "summary_wm_stdv": 50.533077239990234,
  "tpm_overlap_csf": 0.16805626451969147,
  "tpm_overlap_gm": 0.4486663341522217,
  "tpm_overlap_wm": 0.5009369254112244,
  "wm2max": 0.686941483473485
}