{
  "bids_meta": {
    "AcquisitionNumber": 4,
    "BidsifyVersion": "0.3.5",
    "ConversionSoftware": "dcm2niix",
    "ConversionSoftwareVersion": "v1.0.20181125  GCC6.3.0",
    "EchoTime": 0.00377,
    "ImageComments": "piop",
    "ImageOrientationPatientDICOM": [
      0.992662,
      0.104747,
      -0.0604249,
      -0.105384,
      0.994404,
      -0.00745025
    ],
    "Manufacturer": "Philips",
    "PatientPosition": "HFS",
    "PhilipsRescaleIntercept": 0,
    "PhilipsRescaleSlope": 9.45372,
    "PhilipsScaleSlope": 0.00745474,
    "ProtocolName": "WIPt13dSENSE",
    "ReconMatrixPE": 240,
    "RepetitionTime": 0.008196,
    "SeriesDescription": "ImageMRSERIES",
    "SeriesNumber": 4,
    "UsePhilipsFloatNotDisplayScaling": 1,
    "dataset": "ds002785",
    "modality": "T1w",
    "subject_id": "0204"
  },
  "cjv": 0.30708745534478743,
  "cnr": 4.302234223566052,
  "efc": 0.7509108025157916,
  "fber": -1.0,
  "fwhm_avg": 4.052499666738947,
  "fwhm_x": 3.77071,
  "fwhm_y": 4.273219490592541,
  "fwhm_z": 4.113569509624301,
  "icvs_csf": 0.22108964527248767,
  "icvs_gm": 0.42924068231554635,
  "icvs_wm": 0.349669672411966,
  "inu_med": 0.6322421729564667,
  "inu_range": 0.20550357401371,
  "provenance": {
    "md5sum": "8b9090292bf2428a38a2962da77c9e7c",
    "settings": {
      "testing": false
    },
    "software": "mriqc",
    "version": "23.0.1",
    "warnings": {
      "large_rot_frame": true,
      "small_air_mask": true
    },
    "webapi_port": null,
    "webapi_url": "https://mriqc.nimh.nih.gov/api/v1"
  },
  "qi_1": 0.0,
  "qi_2": 0.00010163515552785211,
  "rpve_csf": 23.195649123584385,
  "rpve_gm": 12.626644500668418,
  "rpve_wm": 18.760272166803457,
  "size_x": 240,
  "size_y": 240,
  "size_z": 220,
  "snr_csf": 1.4341535870118356,
  "snr_gm": 7.471015135950111,
  "snr_total": 9.906144097688612,
  "snr_wm": 20.813263570103892,
  "snrd_csf": 5.02057590417968,
  "snrd_gm": 21.610569705361076,
  "snrd_total": 21.019095066615026,
  "snrd_wm": 36.42613959030433,
  "spacing_x": 1.0,
  "spacing_y": 1.0000001192092896,
  "spacing_z": 1.0000001192092896,
  "summary_bg_k": 279.4598692013796,
  "summary_bg_mad": 0.0,
  "summary_bg_mean": 5.420016584884585,
  "summary_bg_median": 0.0,
  "summary_bg_n": 118740.0,
  "summary_bg_p05": 0.0,
  "summary_bg_p95": 32.929771568626165,
  "summary_bg_stdv": 17.985767159630566,
  "summary_csf_k": 1.7579720319556849,
  "summary_csf_mad": 78.73790957124143,
  "summary_csf_mean": 159.33644857128138,
  "summary_csf_median": 137.83222733438015,
  "summary_csf_n": 24113.0,
  "summary_csf_p05": 39.85003828406335,
  "summary_csf_p95": 349.72420343086117,
  "summary_csf_stdv": 96.10502703816562,
  "summary_gm_k": -0.05312176417202785,
  "summary_gm_mad": 80.50809638714165,
  "summary_gm_mean": 593.0319959002229,
  "summary_gm_median": 593.2851157523692,
  "summary_gm_n": 35896.0,
  "summary_gm_p05": 461.5660294778645,
  "summary_gm_p95": 721.6431684168056,
  "summary_gm_stdv": 79.4104738050025,
  "summary_wm_k": 0.7799980822413186,
  "summary_wm_mad": 44.39628534277732,
  "summary_wm_mean": 999.6578476870575,
  "summary_wm_median": 1000.0239113494754,
  "summary_wm_n": 217590.0,
  "summary_wm_p05": 920.6724748574197,
  "summary_wm_p95": 1076.939643200487,
  "summary_wm_stdv": 48.04732376659072,
  "tpm_overlap_csf": 0.16631953787821857,
  "tpm_overlap_gm": 0.4689001288493298,
  "tpm_overlap_wm": 0.5130220215971724,
  "wm2max": 0.6906572111816608
}