{
  "bids_meta": {
    "AcquisitionNumber": 4,
    "BidsifyVersion": "0.3.5",
    "ConversionSoftware": "dcm2niix",
    "ConversionSoftwareVersion": "v1.0.20181125  GCC6.3.0",
    "EchoTime": 0.00379,
    "ImageComments": "piop",
    "ImageOrientationPatientDICOM": [
      0.999455,
      0.0254234,
      -0.021065,
      -0.0279173,
      0.99137,
      -0.128084
    ],
    "Manufacturer": "Philips",
    "PatientPosition": "HFS",
    "PhilipsRescaleIntercept": 0,
    "PhilipsRescaleSlope": 9.56264,
    "PhilipsScaleSlope": 0.00732341,
    "ProtocolName": "WIPt13dSENSE",
    "ReconMatrixPE": 240,
    "RepetitionTime": 0.008251,
    "SeriesDescription": "ImageMRSERIES",
    "SeriesNumber": 4,
    "UsePhilipsFloatNotDisplayScaling": 1,
    "dataset": "ds002785",
    "modality": "T1w",
    "subject_id": "0026"
  },
  "cjv": 0.35391367448244504,
  "cnr": 3.5422973668387296,
  "efc": 0.7847114337659,
  "fber": 940.765625,
  "fwhm_avg": 3.517696666666667,
  "fwhm_x": 3.4768,
  "fwhm_y": 3.65728,
  "fwhm_z": 3.41901,
  "icvs_csf": 0.22815298370099768,
  "icvs_gm": 0.4065371913335696,
  "icvs_wm": 0.36530982496543274,
  "inu_med": 0.5920552611351013,
  "inu_range": 0.23322606086730957,
  "provenance": {
    "md5sum": "ebd5dec6e174da3ac6876a7a71c3f12f",
    "settings": {
      "testing": false
    },
    "software": "mriqc",
    "version": "22.0.0rc1",
    "warnings": {
      "large_rot_frame": true,
      "small_air_mask": true
    },
    "webapi_port": null,
    "webapi_url": "https://mriqc.nimh.nih.gov/api/v1"
  },
  "qi_1": 0.0,
  "qi_2": 0.0001750057572312143,
  "rpve_csf": 24.892853035308487,
  "rpve_gm": 14.240543157553784,
  "rpve_wm": 20.80470562992061,
  "size_x": 240,
  "size_y": 240,
  "size_z": 220,
  "snr_csf": 3.469640007119709,
  "snr_gm": 7.020141269429592,
  "snr_total": 9.65152483201632,
  "snr_wm": 18.464793219499654,
  "snrd_csf": 20.34163556708849,
  "snrd_gm": 32.08500754864806,
  "snrd_total": 34.540234518030076,
  "snrd_wm": 51.19406043835368,
  "spacing_x": 1.0,
  "spacing_y": 1.0,
  "spacing_z": 1.0,
  "summary_bg_k": 22.15082456322931,
  "summary_bg_mad": 12.797174729691912,
  "summary_bg_mean": 17.500057220458984,
  "summary_bg_median": 17.22594451904297,
  "summary_bg_n": 181993.0,
  "summary_bg_p05": 0.0,
  "summary_bg_p95": 43.23735580444336,
  "summary_bg_stdv": 14.1726713180542,
  "summary_csf_k": 9.815706153044948,
  "summary_csf_mad": 101.44387152304199,
  "summary_csf_mean": 382.7327575683594,
  "summary_csf_median": 397.345458984375,
  "summary_csf_n": 5536.0,
  "summary_csf_p05": 169.56585693359375,
  "summary_csf_p95": 524.7143859863281,
  "summary_csf_stdv": 114.51031494140625,
  "summary_gm_k": 0.37754987991399336,
  "summary_gm_mad": 83.196842448911,
  "summary_gm_mean": 634.8355102539062,
  "summary_gm_median": 626.73583984375,
  "summary_gm_n": 20789.0,
  "summary_gm_p05": 500.49004516601565,
  "summary_gm_p95": 798.3145385742185,
  "summary_gm_stdv": 89.27466583251953,
  "summary_wm_k": 1.0506445023968052,
  "summary_wm_mad": 48.90804651164644,
  "summary_wm_mean": 997.5030517578125,
  "summary_wm_median": 1000.0045166015625,
  "summary_wm_n": 209565.0,
  "summary_wm_p05": 903.63076171875,
  "summary_wm_p95": 1080.267626953125,
  "summary_wm_stdv": 54.15723419189453,
  "tpm_overlap_csf": 0.1518271416425705,
  "tpm_overlap_gm": 0.4489441514015198,
  "tpm_overlap_wm": 0.5204578638076782,
  "wm2max": 0.6077899167057632
}