{
  "aor": 0.0009533939393939395,
  "aqi": 0.007471633515151515,
  "bids_meta": {
    "AcquisitionNumber": 2,
    "BidsifyVersion": "0.3.5",
    "ConversionSoftware": "dcm2niix",
    "ConversionSoftwareVersion": "v1.0.20181125  GCC6.3.0",
    "EchoTime": 0.02762,
    "EffectiveEchoSpacing": 0.0006333282667071997,
    "ImageComments": "piop",
    "ImageOrientationPatientDICOM": [
      0.995571,
      0.0869403,
      -0.0357797,
      -0.0895529,
      0.992812,
      -0.0794002
    ],
    "Manufacturer": "Philips",
    "NumberOfVolumesDiscardedByScanner": 2,
    "ParallelAcquisitionTechnique": "SENSE",
    "ParallelReductionFactorInPlane": 2,
    "PatientPosition": "HFS",
    "PhaseEncodingDirection": "j",
    "PhilipsRescaleIntercept": 0,
    "PhilipsRescaleSlope": 0.76947,
    "PhilipsScaleSlope": 0.100886,
    "ProtocolName": "WIPpiopfacesSENSE",
    "PulseSequenceType": "gradient echo EPI",
    "ReconMatrixPE": 80,
    "RepetitionTime": 0.75,
    "SeriesDescription": "ImageMRSERIES",
    "SeriesNumber": 2,
    "SliceEncodingDirection": "k",
    "SliceTiming": [
      0.0,
      0.06755050505050506,
      0.1351010101010101,
      0.20265151515151517,
      0.2702020202020202,
      0.3377525252525253,
      0.40530303030303033,
      0.47285353535353536,
      0.5404040404040404,
      0.6079545454545455,
      0.6755050505050506,
      0.7430555555555556,
      0.0,
      0.06755050505050506,
      0.1351010101010101,
      0.20265151515151517,
      0.2702020202020202,
      0.3377525252525253,
      0.40530303030303033,
      0.47285353535353536,
      0.5404040404040404,
      0.6079545454545455,
      0.6755050505050506,
      0.7430555555555556,
      0.0,
      0.06755050505050506,
      0.1351010101010101,
      0.20265151515151517,
      0.2702020202020202,
      0.3377525252525253,
      0.40530303030303033,
      0.47285353535353536,
      0.5404040404040404,
      0.6079545454545455,
      0.6755050505050506,
      0.7430555555555556
    ],
    "TaskName": "faces",
    "TotalReadoutTime": 0.024699802401580786,
    "UsePhilipsFloatNotDisplayScaling": 1,
    "acq_id": "mb3",
    "dataset": "ds002785",
    "modality": "bold",
    "subject_id": "0039",
    "task_id": "faces"
  },
  "dummy_trs": 0,
  "dvars_nstd": 24.00648019705166,
  "dvars_std": 1.085954143951368,
  "dvars_vstd": 1.0070202577507605,
  "efc": 0.41331722283980765,
  "fber": 157335.921875,
  "fd_mean": 0.11308301235008994,
  "fd_num": 21,
  "fd_perc": 6.363636363636363,
  "fwhm_avg": 1.9996470796784547,
  "fwhm_x": 1.9605766666666666,
  "fwhm_y": 2.1757433333333336,
  "fwhm_z": 1.8626212390353643,
  "gcor": 0.0133801,
  "gsr_x": -0.022829463705420494,
  "gsr_y": 0.012804233469069004,
  "provenance": {
    "md5sum": "31e1cf94ad733648b335eca0cc71d899",
    "settings": {
      "fd_thres": 0.2,
      "testing": false
    },
    "software": "mriqc",
    "version": "22.0.0rc1",
    "webapi_port": null,
    "webapi_url": "https://mriqc.nimh.nih.gov/api/v1"
  },
  "size_t": 330,
  "size_x": 80,
  "size_y": 80,
  "size_z": 36,
  "snr": 5.904573450871283,
  "spacing_tr": 0.75,
  "spacing_x": 3.0,
  "spacing_y": 3.0,
  "spacing_z": 3.299999952316284,
  "summary_bg_k": 54.74035555470706,
  "summary_bg_mad": 47.80007078984338,
  "summary_bg_mean": 363.0020751953125,
  "summary_bg_median": 44.59915542602539,
  "summary_bg_n": 158246.0,
  "summary_bg_p05": 3.743835747241974,
  "summary_bg_p95": 1716.8444213867188,
  "summary_bg_stdv": 1051.6419677734375,
  "summary_fg_k": 0.7247938178268161,
  "summary_fg_mad": 2802.927543210104,
  "summary_fg_mean": 17937.40625,
  "summary_fg_median": 17919.642578125,
  "summary_fg_n": 32515.0,
  "summary_fg_p05": 12870.84951171875,
  "summary_fg_p95": 22874.9412109375,
  "summary_fg_stdv": 3034.828369140625,
  "tsnr": 53.75876998901367
}