{
  "aor": 0.0024831851851851855,
  "aqi": 0.004831071629629631,
  "bids_meta": {
    "AcquisitionNumber": 5,
    "BidsifyVersion": "0.3.5",
    "ConversionSoftware": "dcm2niix",
    "ConversionSoftwareVersion": "v1.0.20181125  GCC6.3.0",
    "EchoTime": 0.02762,
    "EffectiveEchoSpacing": 0.0006621159151938905,
    "ImageComments": "piop",
    "ImageOrientationPatientDICOM": [
      0.995571,
      0.0869403,
      -0.0357797,
      -0.0895529,
      0.992812,
      -0.0794002
    ],
    "Manufacturer": "Philips",
    "NumberOfVolumesDiscardedByScanner": 2,
    "ParallelAcquisitionTechnique": "SENSE",
    "ParallelReductionFactorInPlane": 2,
    "PatientPosition": "HFS",
    "PhaseEncodingDirection": "j",
    "PhilipsRescaleIntercept": 0,
    "PhilipsRescaleSlope": 0.76557,
    "PhilipsScaleSlope": 0.05417,
    "ProtocolName": "WIPpiopharririSENSE",
    "PulseSequenceType": "gradient echo EPI",
    "ReconMatrixPE": 80,
    "RepetitionTime": 2,
    "SeriesDescription": "ImageMRSERIES",
    "SeriesNumber": 5,
    "SliceEncodingDirection": "k",
    "SliceTiming": [
      0.0,
      0.0541,
      0.1081,
      0.1622,
      0.2162,
      0.2703,
      0.3243,
      0.3784,
      0.4324,
      0.4865,
      0.5405,
      0.5946,
      0.6486,
      0.7027,
      0.7568,
      0.8108,
      0.8649,
      0.9189,
      0.973,
      1.027,
      1.0811,
      1.1351,
      1.1892,
      1.2432,
      1.2973,
      1.3514,
      1.4054,
      1.4595,
      1.5135,
      1.5676,
      1.6216,
      1.6757,
      1.7297,
      1.7838,
      1.8378,
      1.8919,
      1.9459
    ],
    "TaskName": "emomatching",
    "TotalReadoutTime": 0.025822520692561732,
    "UsePhilipsFloatNotDisplayScaling": 1,
    "acq_id": "seq",
    "dataset": "ds002785",
    "modality": "bold",
    "subject_id": "0039",
    "task_id": "emomatching"
  },
  "dummy_trs": 0,
  "dvars_nstd": 19.6788647352985,
  "dvars_std": 1.1876865452238812,
  "dvars_vstd": 0.9986402985820892,
  "efc": 0.40765156289360277,
  "fber": 156887.84375,
  "fd_mean": 0.12260445606381475,
  "fd_num": 9,
  "fd_perc": 6.666666666666667,
  "fwhm_avg": 1.9315592007425624,
  "fwhm_x": 1.84169,
  "fwhm_y": 2.121096666666667,
  "fwhm_z": 1.8318909355610202,
  "gcor": 0.026994,
  "gsr_x": -0.021503210067749023,
  "gsr_y": 0.015570718795061111,
  "provenance": {
    "md5sum": "ffc8d1c9df93ee3ade5a84382926871d",
    "settings": {
      "fd_thres": 0.2,
      "testing": false
    },
    "software": "mriqc",
    "version": "22.0.0rc1",
    "webapi_port": null,
    "webapi_url": "https://mriqc.nimh.nih.gov/api/v1"
  },
  "size_t": 135,
  "size_x": 80,
  "size_y": 80,
  "size_z": 37,
  "snr": 5.1538951245070805,
  "spacing_tr": 2.0,
  "spacing_x": 3.0,
  "spacing_y": 3.0,
  "spacing_z": 3.299999952316284,
  "summary_bg_k": 75.45838005523768,
  "summary_bg_mad": 67.0192799140572,
  "summary_bg_mean": 515.602294921875,
  "summary_bg_median": 65.378662109375,
  "summary_bg_n": 163224.0,
  "summary_bg_p05": 5.207670426368713,
  "summary_bg_p95": 2419.363439941408,
  "summary_bg_stdv": 1568.2086181640625,
  "summary_fg_k": 1.4052052288209635,
  "summary_fg_mad": 4639.018906092158,
  "summary_fg_mean": 26891.849609375,
  "summary_fg_median": 26431.2578125,
  "summary_fg_n": 33245.0,
  "summary_fg_p05": 19259.741015625,
  "summary_fg_p95": 35710.069531249996,
  "summary_fg_stdv": 5128.3271484375,
  "tsnr": 73.92964172363281
}