{
  "aor": 0.002971481481481481,
  "aqi": 0.004625921481481481,
  "bids_meta": {
    "AcquisitionNumber": 8,
    "BidsifyVersion": "0.3.5",
    "ConversionSoftware": "dcm2niix",
    "ConversionSoftwareVersion": "v1.0.20181125  GCC6.3.0",
    "EchoTime": 0.02762,
    "EffectiveEchoSpacing": 0.0006621159151938905,
    "ImageComments": "piop",
    "ImageOrientationPatientDICOM": [
      0.995571,
      0.0869403,
      -0.0357797,
      -0.0895529,
      0.992812,
      -0.0794002
    ],
    "Manufacturer": "Philips",
    "NumberOfVolumesDiscardedByScanner": 2,
    "ParallelAcquisitionTechnique": "SENSE",
    "ParallelReductionFactorInPlane": 2,
    "PatientPosition": "HFS",
    "PhaseEncodingDirection": "j",
    "PhilipsRescaleIntercept": 0,
    "PhilipsRescaleSlope": 0.81538,
    "PhilipsScaleSlope": 0.0525677,
    "ProtocolName": "WIPpiopwmSENSE",
    "PulseSequenceType": "gradient echo EPI",
    "ReconMatrixPE": 80,
    "RepetitionTime": 2,
    "SeriesDescription": "ImageMRSERIES",
    "SeriesNumber": 8,
    "SliceEncodingDirection": "k",
    "SliceTiming": [
      0.0,
      0.0541,
      0.1081,
      0.1622,
      0.2162,
      0.2703,
      0.3243,
      0.3784,
      0.4324,
      0.4865,
      0.5405,
      0.5946,
      0.6486,
      0.7027,
      0.7568,
      0.8108,
      0.8649,
      0.9189,
      0.973,
      1.027,
      1.0811,
      1.1351,
      1.1892,
      1.2432,
      1.2973,
      1.3514,
      1.4054,
      1.4595,
      1.5135,
      1.5676,
      1.6216,
      1.6757,
      1.7297,
      1.7838,
      1.8378,
      1.8919,
      1.9459
    ],
    "TaskName": "workingmemory",
    "TotalReadoutTime": 0.025822520692561732,
    "UsePhilipsFloatNotDisplayScaling": 1,
    "acq_id": "seq",
    "dataset": "ds002785",
    "modality": "bold",
    "subject_id": "0039",
    "task_id": "workingmemory"
  },
  "dummy_trs": 0,
  "dvars_nstd": 18.947736532670813,
  "dvars_std": 1.1876003531055894,
  "dvars_vstd": 1.021306209192547,
  "efc": 0.40496176436837067,
  "fber": 162970.8125,
  "fd_mean": 0.11458840331031626,
  "fd_num": 15,
  "fd_perc": 9.25925925925926,
  "fwhm_avg": 1.905350311714957,
  "fwhm_x": 1.8250866666666665,
  "fwhm_y": 2.0878733333333335,
  "fwhm_z": 1.8030909351448714,
  "gcor": 0.0208308,
  "gsr_x": -0.020963411778211594,
  "gsr_y": 0.015942314639687538,
  "provenance": {
    "md5sum": "593efc24a9e0f91f395982271a10e2d3",
    "settings": {
      "fd_thres": 0.2,
      "testing": false
    },
    "software": "mriqc",
    "version": "22.0.0rc1",
    "webapi_port": null,
    "webapi_url": "https://mriqc.nimh.nih.gov/api/v1"
  },
  "size_t": 162,
  "size_x": 80,
  "size_y": 80,
  "size_z": 37,
  "snr": 5.249065807625525,
  "spacing_tr": 2.0,
  "spacing_x": 3.0,
  "spacing_y": 3.0,
  "spacing_z": 3.299999952316284,
  "summary_bg_k": 76.4935474977566,
  "summary_bg_mad": 64.10979239505902,
  "summary_bg_mean": 506.3398132324219,
  "summary_bg_median": 63.44276809692383,
  "summary_bg_n": 163889.0,
  "summary_bg_p05": 4.848252677917481,
  "summary_bg_p95": 2385.414501953125,
  "summary_bg_stdv": 1535.7645263671875,
  "summary_fg_k": 1.4264679768893966,
  "summary_fg_mad": 4572.653634715556,
  "summary_fg_mean": 26498.001953125,
  "summary_fg_median": 26046.638671875,
  "summary_fg_n": 32774.0,
  "summary_fg_p05": 19200.6962890625,
  "summary_fg_p95": 34913.5806640625,
  "summary_fg_stdv": 4962.07177734375,
  "tsnr": 77.8311767578125
}