{
  "aor": 0.002475387755102041,
  "aqi": 0.006210679591836735,
  "bids_meta": {
    "AcquisitionNumber": 3,
    "BidsifyVersion": "0.3.5",
    "ConversionSoftware": "dcm2niix",
    "ConversionSoftwareVersion": "v1.0.20181125  GCC6.3.0",
    "EchoTime": 0.02762,
    "EffectiveEchoSpacing": 0.0006621159151938905,
    "ImageComments": "piop",
    "ImageOrientationPatientDICOM": [
      0.995571,
      0.0869403,
      -0.0357797,
      -0.0895529,
      0.992812,
      -0.0794002
    ],
    "Manufacturer": "Philips",
    "NumberOfVolumesDiscardedByScanner": 2,
    "ParallelAcquisitionTechnique": "SENSE",
    "ParallelReductionFactorInPlane": 2,
    "PatientPosition": "HFS",
    "PhaseEncodingDirection": "j",
    "PhilipsRescaleIntercept": 0,
    "PhilipsRescaleSlope": 0.7956,
    "PhilipsScaleSlope": 0.0509728,
    "ProtocolName": "WIPpiopgstroopSENSE",
    "PulseSequenceType": "gradient echo EPI",
    "ReconMatrixPE": 80,
    "RepetitionTime": 2,
    "SeriesDescription": "ImageMRSERIES",
    "SeriesNumber": 3,
    "SliceEncodingDirection": "k",
    "SliceTiming": [
      0.0,
      0.0541,
      0.1081,
      0.1622,
      0.2162,
      0.2703,
      0.3243,
      0.3784,
      0.4324,
      0.4865,
      0.5405,
      0.5946,
      0.6486,
      0.7027,
      0.7568,
      0.8108,
      0.8649,
      0.9189,
      0.973,
      1.027,
      1.0811,
      1.1351,
      1.1892,
      1.2432,
      1.2973,
      1.3514,
      1.4054,
      1.4595,
      1.5135,
      1.5676,
      1.6216,
      1.6757,
      1.7297,
      1.7838,
      1.8378,
      1.8919,
      1.9459
    ],
    "TaskName": "gstroop",
    "TotalReadoutTime": 0.025822520692561732,
    "UsePhilipsFloatNotDisplayScaling": 1,
    "acq_id": "seq",
    "dataset": "ds002785",
    "modality": "bold",
    "subject_id": "0039",
    "task_id": "gstroop"
  },
  "dummy_trs": 0,
  "dvars_nstd": 23.282625839016404,
  "dvars_std": 1.264080439672131,
  "dvars_vstd": 1.0000708582786877,
  "efc": 0.4060385189433509,
  "fber": 163460.65625,
  "fd_mean": 0.14742161942774262,
  "fd_num": 43,
  "fd_perc": 17.551020408163264,
  "fwhm_avg": 1.891273139936046,
  "fwhm_x": 1.8252266666666666,
  "fwhm_y": 2.0583199999999997,
  "fwhm_z": 1.7902727531414717,
  "gcor": 0.0295132,
  "gsr_x": -0.02113347314298153,
  "gsr_y": 0.014831731095910072,
  "provenance": {
    "md5sum": "6d0a47d22d835f84efb88aa4fe168d33",
    "settings": {
      "fd_thres": 0.2,
      "testing": false
    },
    "software": "mriqc",
    "version": "22.0.0rc1",
    "webapi_port": null,
    "webapi_url": "https://mriqc.nimh.nih.gov/api/v1"
  },
  "size_t": 245,
  "size_x": 80,
  "size_y": 80,
  "size_z": 37,
  "snr": 5.2302197507845385,
  "spacing_tr": 2.0,
  "spacing_x": 3.0,
  "spacing_y": 3.0,
  "spacing_z": 3.299999952316284,
  "summary_bg_k": 82.02023272918309,
  "summary_bg_mad": 65.31728967977591,
  "summary_bg_mean": 511.5130920410156,
  "summary_bg_median": 64.67268371582031,
  "summary_bg_n": 163492.0,
  "summary_bg_p05": 5.287594795227051,
  "summary_bg_p95": 2365.480139160156,
  "summary_bg_stdv": 1592.9853515625,
  "summary_fg_k": 1.8486302586594867,
  "summary_fg_mad": 4669.203760634546,
  "summary_fg_mean": 27184.533203125,
  "summary_fg_median": 26700.453125,
  "summary_fg_n": 33088.0,
  "summary_fg_p05": 19753.48740234375,
  "summary_fg_p95": 35791.478124999994,
  "summary_fg_stdv": 5104.95751953125,
  "tsnr": 68.7334976196289
}