{
  "aor": 0.0013908999999999998,
  "aqi": 0.0048315732,
  "bids_meta": {
    "AcquisitionNumber": 9,
    "BidsifyVersion": "0.3.5",
    "ConversionSoftware": "dcm2niix",
    "ConversionSoftwareVersion": "v1.0.20181125  GCC6.3.0",
    "EchoTime": 0.02762,
    "EffectiveEchoSpacing": 0.0006621159151938905,
    "ImageComments": "piop",
    "ImageOrientationPatientDICOM": [
      0.995571,
      0.0869403,
      -0.0357797,
      -0.0895529,
      0.992812,
      -0.0794002
    ],
    "Manufacturer": "Philips",
    "NumberOfVolumesDiscardedByScanner": 2,
    "ParallelAcquisitionTechnique": "SENSE",
    "ParallelReductionFactorInPlane": 2,
    "PatientPosition": "HFS",
    "PhaseEncodingDirection": "j",
    "PhilipsRescaleIntercept": 0,
    "PhilipsRescaleSlope": 0.81807,
    "PhilipsScaleSlope": 0.0528408,
    "ProtocolName": "WIPpiopanticipatieSENSE",
    "PulseSequenceType": "gradient echo EPI",
    "ReconMatrixPE": 80,
    "RepetitionTime": 2,
    "SeriesDescription": "ImageMRSERIES",
    "SeriesNumber": 9,
    "SliceEncodingDirection": "k",
    "SliceTiming": [
      0.0,
      0.0541,
      0.1081,
      0.1622,
      0.2162,
      0.2703,
      0.3243,
      0.3784,
      0.4324,
      0.4865,
      0.5405,
      0.5946,
      0.6486,
      0.7027,
      0.7568,
      0.8108,
      0.8649,
      0.9189,
      0.973,
      1.027,
      1.0811,
      1.1351,
      1.1892,
      1.2432,
      1.2973,
      1.3514,
      1.4054,
      1.4595,
      1.5135,
      1.5676,
      1.6216,
      1.6757,
      1.7297,
      1.7838,
      1.8378,
      1.8919,
      1.9459
    ],
    "TaskName": "anticipation",
    "TotalReadoutTime": 0.025822520692561732,
    "UsePhilipsFloatNotDisplayScaling": 1,
    "acq_id": "seq",
    "dataset": "ds002785",
    "modality": "bold",
    "subject_id": "0039",
    "task_id": "anticipation"
  },
  "dummy_trs": 0,
  "dvars_nstd": 18.716759154874367,
  "dvars_std": 1.1590380213567848,
  "dvars_vstd": 0.9880327441206029,
  "efc": 0.4068841031208562,
  "fber": 160731.28125,
  "fd_mean": 0.0980447899559079,
  "fd_num": 11,
  "fd_perc": 5.5,
  "fwhm_avg": 1.9102802106756502,
  "fwhm_x": 1.8384933333333333,
  "fwhm_y": 2.09532,
  "fwhm_z": 1.7970272986936178,
  "gcor": 0.0143223,
  "gsr_x": -0.021194567903876305,
  "gsr_y": 0.01656327024102211,
  "provenance": {
    "md5sum": "10b4e9eddc591f2795f0d7b1ecce6f31",
    "settings": {
      "fd_thres": 0.2,
      "testing": false
    },
    "software": "mriqc",
    "version": "22.0.0rc1",
    "webapi_port": null,
    "webapi_url": "https://mriqc.nimh.nih.gov/api/v1"
  },
  "size_t": 200,
  "size_x": 80,
  "size_y": 80,
  "size_z": 37,
  "snr": 5.218602669647197,
  "spacing_tr": 2.0,
  "spacing_x": 3.0,
  "spacing_y": 3.0,
  "spacing_z": 3.299999952316284,
  "summary_bg_k": 77.20077752377985,
  "summary_bg_mad": 64.98111755599122,
  "summary_bg_mean": 512.3062133789062,
  "summary_bg_median": 63.94216537475586,
  "summary_bg_n": 163429.0,
  "summary_bg_p05": 5.120383453369142,
  "summary_bg_p95": 2418.0481445312516,
  "summary_bg_stdv": 1560.2493896484375,
  "summary_fg_k": 1.5207112061880617,
  "summary_fg_mad": 4534.696701355846,
  "summary_fg_mean": 26563.14453125,
  "summary_fg_median": 26108.66796875,
  "summary_fg_n": 33152.0,
  "summary_fg_p05": 19159.94765625,
  "summary_fg_p95": 35029.806249999994,
  "summary_fg_stdv": 5002.92431640625,
  "tsnr": 77.25845336914062
}