{
  "bids_meta": {
    "AcquisitionNumber": 4,
    "BidsifyVersion": "0.3.5",
    "ConversionSoftware": "dcm2niix",
    "ConversionSoftwareVersion": "v1.0.20181125  GCC6.3.0",
    "EchoTime": 0.00375,
    "ImageComments": "Piop",
    "ImageOrientationPatientDICOM": [
      0.997772,
      0.048031,
      0.0463074,
      -0.0461811,
      0.998123,
      -0.040223
    ],
    "Manufacturer": "Philips",
    "PatientPosition": "HFS",
    "PhilipsRescaleIntercept": 0,
    "PhilipsRescaleSlope": 9.50842,
    "PhilipsScaleSlope": 0.00766622,
    "ProtocolName": "WIPt13dSENSE",
    "ReconMatrixPE": 240,
    "RepetitionTime": 0.008175,
    "SeriesDescription": "ImageMRSERIES",
    "SeriesNumber": 4,
    "UsePhilipsFloatNotDisplayScaling": 1,
    "dataset": "ds002785",
    "modality": "T1w",
    "subject_id": "0165"
  },
  "cjv": 0.3488697848232782,
  "cnr": 3.6315824816817446,
  "efc": 0.7738241713682331,
  "fber": 529.0990600585938,
  "fwhm_avg": 3.6452801416800504,
  "fwhm_x": 3.502460208762897,
  "fwhm_y": 3.80485,
  "fwhm_z": 3.628530216277255,
  "icvs_csf": 0.21421971831375453,
  "icvs_gm": 0.4229589911373421,
  "icvs_wm": 0.3628212905489034,
  "inu_med": 0.5718401074409485,
  "inu_range": 0.20494289398193355,
  "provenance": {
    "md5sum": "18f341761981daaff41c877e7bdef5ac",
    "settings": {
      "testing": false
    },
    "software": "mriqc",
    "version": "22.0.0rc1",
    "warnings": {
      "large_rot_frame": true,
      "small_air_mask": true
    },
    "webapi_port": null,
    "webapi_url": "https://mriqc.nimh.nih.gov/api/v1"
  },
  "qi_1": 0.0,
  "qi_2": 0.00013345101800436951,
  "rpve_csf": 29.20820294077332,
  "rpve_gm": 15.511620983268166,
  "rpve_wm": 22.79786814554347,
  "size_x": 240,
  "size_y": 240,
  "size_z": 220,
  "snr_csf": 2.1255511291146947,
  "snr_gm": 7.54923907020495,
  "snr_total": 9.58619826032248,
  "snr_wm": 19.083804581647794,
  "snrd_csf": 16.385994433379533,
  "snrd_gm": 35.89752478850259,
  "snrd_total": 36.27142384106694,
  "snrd_wm": 56.530752301318714,
  "spacing_x": 0.9999999403953552,
  "spacing_y": 1.0,
  "spacing_z": 0.9999999403953552,
  "summary_bg_k": 156.3818753614373,
  "summary_bg_mad": 11.589012902736107,
  "summary_bg_mean": 19.02199935913086,
  "summary_bg_median": 15.573470115661621,
  "summary_bg_n": 101543.0,
  "summary_bg_p05": 0.0,
  "summary_bg_p95": 46.645708847045896,
  "summary_bg_stdv": 16.744407653808594,
  "summary_csf_k": -1.2007701674603874,
  "summary_csf_mad": 183.5646419332958,
  "summary_csf_mean": 280.52825927734375,
  "summary_csf_median": 289.8594970703125,
  "summary_csf_n": 5597.0,
  "summary_csf_p05": 80.04183044433594,
  "summary_csf_p95": 479.27552490234376,
  "summary_csf_stdv": 136.35691833496094,
  "summary_gm_k": 0.1312504778299184,
  "summary_gm_mad": 80.5972663239037,
  "summary_gm_mean": 640.0681762695312,
  "summary_gm_median": 635.008056640625,
  "summary_gm_n": 17586.0,
  "summary_gm_p05": 509.6479721069336,
  "summary_gm_p95": 788.8863372802734,
  "summary_gm_stdv": 84.11311340332031,
  "summary_wm_k": 1.1893358552018123,
  "summary_wm_mad": 46.73698984499688,
  "summary_wm_mean": 996.7568359375,
  "summary_wm_median": 999.9988403320312,
  "summary_wm_n": 179083.0,
  "summary_wm_p05": 904.9098510742188,
  "summary_wm_p95": 1075.609619140625,
  "summary_wm_stdv": 52.400245666503906,
  "tpm_overlap_csf": 0.1701059341430664,
  "tpm_overlap_gm": 0.4490225613117218,
  "tpm_overlap_wm": 0.5174276828765869,
  "wm2max": 0.6480265331680257
}