{
  "aor": 0.000840432098765432,
  "aqi": 0.0034631298148148147,
  "bids_meta": {
    "AcquisitionNumber": 8,
    "BidsifyVersion": "0.3.5",
    "ConversionSoftware": "dcm2niix",
    "ConversionSoftwareVersion": "v1.0.20181125  GCC6.3.0",
    "EchoTime": 0.02762,
    "EffectiveEchoSpacing": 0.0006621159151938905,
    "ImageComments": "Piop",
    "ImageOrientationPatientDICOM": [
      0.999967,
      -0.00309823,
      0.00753696,
      0.00593399,
      0.910753,
      -0.412908
    ],
    "Manufacturer": "Philips",
    "NumberOfVolumesDiscardedByScanner": 2,
    "ParallelAcquisitionTechnique": "SENSE",
    "ParallelReductionFactorInPlane": 2,
    "PatientPosition": "HFS",
    "PhaseEncodingDirection": "j",
    "PhilipsRescaleIntercept": 0,
    "PhilipsRescaleSlope": 0.79731,
    "PhilipsScaleSlope": 0.0559997,
    "ProtocolName": "WIPpiopwmSENSE",
    "PulseSequenceType": "gradient echo EPI",
    "ReconMatrixPE": 80,
    "RepetitionTime": 2,
    "SeriesDescription": "ImageMRSERIES",
    "SeriesNumber": 8,
    "SliceEncodingDirection": "k",
    "SliceTiming": [
      0.0,
      0.0541,
      0.1081,
      0.1622,
      0.2162,
      0.2703,
      0.3243,
      0.3784,
      0.4324,
      0.4865,
      0.5405,
      0.5946,
      0.6486,
      0.7027,
      0.7568,
      0.8108,
      0.8649,
      0.9189,
      0.973,
      1.027,
      1.0811,
      1.1351,
      1.1892,
      1.2432,
      1.2973,
      1.3514,
      1.4054,
      1.4595,
      1.5135,
      1.5676,
      1.6216,
      1.6757,
      1.7297,
      1.7838,
      1.8378,
      1.8919,
      1.9459
    ],
    "TaskName": "workingmemory",
    "TotalReadoutTime": 0.025822520692561732,
    "UsePhilipsFloatNotDisplayScaling": 1,
    "acq_id": "seq",
    "dataset": "ds002785",
    "modality": "bold",
    "subject_id": "0186",
    "task_id": "workingmemory"
  },
  "dummy_trs": 0,
  "dvars_nstd": 25.11681896776398,
  "dvars_std": 1.2909955921739125,
  "dvars_vstd": 0.9896202611801242,
  "efc": 0.43835121060499443,
  "fber": 140985.546875,
  "fd_mean": 0.14062623780955827,
  "fd_num": 29,
  "fd_perc": 17.901234567901234,
  "fwhm_avg": 1.8985006150191168,
  "fwhm_x": 1.8656466666666667,
  "fwhm_y": 1.9699066666666667,
  "fwhm_z": 1.859948511724017,
  "gcor": 0.0132705,
  "gsr_x": -0.017464883625507355,
  "gsr_y": 0.01771249808371067,
  "provenance": {
    "md5sum": "00ca6204b184f7724e4cc356482a8153",
    "settings": {
      "fd_thres": 0.2,
      "testing": false
    },
    "software": "mriqc",
    "version": "22.0.0rc1",
    "webapi_port": null,
    "webapi_url": "https://mriqc.nimh.nih.gov/api/v1"
  },
  "size_t": 162,
  "size_x": 80,
  "size_y": 80,
  "size_z": 37,
  "snr": 4.201626417504673,
  "spacing_tr": 2.0,
  "spacing_x": 3.0,
  "spacing_y": 3.0,
  "spacing_z": 3.299999952316284,
  "summary_bg_k": 56.18509841466979,
  "summary_bg_mad": 62.38854174720689,
  "summary_bg_mean": 597.8187866210938,
  "summary_bg_median": 64.79380798339844,
  "summary_bg_n": 155810.0,
  "summary_bg_p05": 9.43581852912903,
  "summary_bg_p95": 2887.864782714838,
  "summary_bg_stdv": 1783.34912109375,
  "summary_fg_k": 0.9827419742223706,
  "summary_fg_mad": 5594.716747682938,
  "summary_fg_mean": 25754.6328125,
  "summary_fg_median": 24886.0703125,
  "summary_fg_n": 38492.0,
  "summary_fg_p05": 17812.31591796875,
  "summary_fg_p95": 36524.0171875,
  "summary_fg_stdv": 5922.88427734375,
  "tsnr": 75.35909271240234
}