{
  "aor": 0.0002713939393939394,
  "aqi": 0.004303466303030304,
  "bids_meta": {
    "AcquisitionNumber": 2,
    "BidsifyVersion": "0.3.5",
    "ConversionSoftware": "dcm2niix",
    "ConversionSoftwareVersion": "v1.0.20181125  GCC6.3.0",
    "EchoTime": 0.02762,
    "EffectiveEchoSpacing": 0.0006333282667071997,
    "ImageComments": "Piop",
    "ImageOrientationPatientDICOM": [
      0.998924,
      0.0379418,
      -0.0266736,
      -0.0462344,
      0.860085,
      -0.508051
    ],
    "Manufacturer": "Philips",
    "NumberOfVolumesDiscardedByScanner": 2,
    "ParallelAcquisitionTechnique": "SENSE",
    "ParallelReductionFactorInPlane": 2,
    "PatientPosition": "HFS",
    "PhaseEncodingDirection": "j",
    "PhilipsRescaleIntercept": 0,
    "PhilipsRescaleSlope": 0.74872,
    "PhilipsScaleSlope": 0.0847069,
    "ProtocolName": "WIPpiopfacesSENSE",
    "PulseSequenceType": "gradient echo EPI",
    "ReconMatrixPE": 80,
    "RepetitionTime": 0.75,
    "SeriesDescription": "ImageMRSERIES",
    "SeriesNumber": 2,
    "SliceEncodingDirection": "k",
    "SliceTiming": [
      0.0,
      0.06755050505050506,
      0.1351010101010101,
      0.20265151515151517,
      0.2702020202020202,
      0.3377525252525253,
      0.40530303030303033,
      0.47285353535353536,
      0.5404040404040404,
      0.6079545454545455,
      0.6755050505050506,
      0.7430555555555556,
      0.0,
      0.06755050505050506,
      0.1351010101010101,
      0.20265151515151517,
      0.2702020202020202,
      0.3377525252525253,
      0.40530303030303033,
      0.47285353535353536,
      0.5404040404040404,
      0.6079545454545455,
      0.6755050505050506,
      0.7430555555555556,
      0.0,
      0.06755050505050506,
      0.1351010101010101,
      0.20265151515151517,
      0.2702020202020202,
      0.3377525252525253,
      0.40530303030303033,
      0.47285353535353536,
      0.5404040404040404,
      0.6079545454545455,
      0.6755050505050506,
      0.7430555555555556
    ],
    "TaskName": "faces",
    "TotalReadoutTime": 0.024699802401580786,
    "UsePhilipsFloatNotDisplayScaling": 1,
    "acq_id": "mb3",
    "dataset": "ds002785",
    "modality": "bold",
    "subject_id": "0186",
    "task_id": "faces"
  },
  "dummy_trs": 0,
  "dvars_nstd": 24.750449896504563,
  "dvars_std": 1.1754509645896662,
  "dvars_vstd": 1.0002140249240128,
  "efc": 0.44735472020931843,
  "fber": 121578.2734375,
  "fd_mean": 0.09855531482068285,
  "fd_num": 8,
  "fd_perc": 2.4242424242424243,
  "fwhm_avg": 2.04666682282507,
  "fwhm_x": 2.0741433333333332,
  "fwhm_y": 2.15756,
  "fwhm_z": 1.9082971351418758,
  "gcor": 0.00973851,
  "gsr_x": -0.01786128431558609,
  "gsr_y": 0.02073395997285843,
  "provenance": {
    "md5sum": "af74978abdc4eeea1f2fc13900560cfc",
    "settings": {
      "fd_thres": 0.2,
      "testing": false
    },
    "software": "mriqc",
    "version": "22.0.0rc1",
    "webapi_port": null,
    "webapi_url": "https://mriqc.nimh.nih.gov/api/v1"
  },
  "size_t": 330,
  "size_x": 80,
  "size_y": 80,
  "size_z": 36,
  "snr": 5.46560287606193,
  "spacing_tr": 0.75,
  "spacing_x": 3.0,
  "spacing_y": 3.0,
  "spacing_z": 3.299999713897705,
  "summary_bg_k": 33.67085527635658,
  "summary_bg_mad": 51.73284236405567,
  "summary_bg_mean": 400.01995849609375,
  "summary_bg_median": 50.465736389160156,
  "summary_bg_n": 150608.0,
  "summary_bg_p05": 6.097529029846192,
  "summary_bg_p95": 1940.8260803222652,
  "summary_bg_stdv": 1055.6312255859375,
  "summary_fg_k": 0.5519818242313748,
  "summary_fg_mad": 3185.728486330351,
  "summary_fg_mean": 18176.603515625,
  "summary_fg_median": 17992.5078125,
  "summary_fg_n": 37981.0,
  "summary_fg_p05": 13089.591796875,
  "summary_fg_p95": 23634.4453125,
  "summary_fg_stdv": 3291.90966796875,
  "tsnr": 65.01118469238281
}