{
  "aor": 0.0035647499999999998,
  "aqi": 0.00329595795,
  "bids_meta": {
    "AcquisitionNumber": 9,
    "BidsifyVersion": "0.3.5",
    "ConversionSoftware": "dcm2niix",
    "ConversionSoftwareVersion": "v1.0.20181125  GCC6.3.0",
    "EchoTime": 0.02762,
    "EffectiveEchoSpacing": 0.0006621159151938905,
    "ImageComments": "Piop",
    "ImageOrientationPatientDICOM": [
      0.999967,
      -0.00309823,
      0.00753696,
      0.00593399,
      0.910753,
      -0.412908
    ],
    "Manufacturer": "Philips",
    "NumberOfVolumesDiscardedByScanner": 2,
    "ParallelAcquisitionTechnique": "SENSE",
    "ParallelReductionFactorInPlane": 2,
    "PatientPosition": "HFS",
    "PhaseEncodingDirection": "j",
    "PhilipsRescaleIntercept": 0,
    "PhilipsRescaleSlope": 0.79878,
    "PhilipsScaleSlope": 0.0543965,
    "ProtocolName": "WIPpiopanticipatieSENSE",
    "PulseSequenceType": "gradient echo EPI",
    "ReconMatrixPE": 80,
    "RepetitionTime": 2,
    "SeriesDescription": "ImageMRSERIES",
    "SeriesNumber": 9,
    "SliceEncodingDirection": "k",
    "SliceTiming": [
      0.0,
      0.0541,
      0.1081,
      0.1622,
      0.2162,
      0.2703,
      0.3243,
      0.3784,
      0.4324,
      0.4865,
      0.5405,
      0.5946,
      0.6486,
      0.7027,
      0.7568,
      0.8108,
      0.8649,
      0.9189,
      0.973,
      1.027,
      1.0811,
      1.1351,
      1.1892,
      1.2432,
      1.2973,
      1.3514,
      1.4054,
      1.4595,
      1.5135,
      1.5676,
      1.6216,
      1.6757,
      1.7297,
      1.7838,
      1.8378,
      1.8919,
      1.9459
    ],
    "TaskName": "anticipation",
    "TotalReadoutTime": 0.025822520692561732,
    "UsePhilipsFloatNotDisplayScaling": 1,
    "acq_id": "seq",
    "dataset": "ds002785",
    "modality": "bold",
    "subject_id": "0186",
    "task_id": "anticipation"
  },
  "dummy_trs": 0,
  "dvars_nstd": 26.11525595015075,
  "dvars_std": 1.3274452379899497,
  "dvars_vstd": 1.0113526797487438,
  "efc": 0.4375938052444846,
  "fber": 137324.609375,
  "fd_mean": 0.1500846805365557,
  "fd_num": 38,
  "fd_perc": 19.0,
  "fwhm_avg": 1.912766372639318,
  "fwhm_x": 1.87601,
  "fwhm_y": 1.9931133333333333,
  "fwhm_z": 1.8691757845846204,
  "gcor": 0.0342645,
  "gsr_x": -0.017528222873806953,
  "gsr_y": 0.018696671351790428,
  "provenance": {
    "md5sum": "9b63d5a17969a386d13d5b91e502b651",
    "settings": {
      "fd_thres": 0.2,
      "testing": false
    },
    "software": "mriqc",
    "version": "22.0.0rc1",
    "webapi_port": null,
    "webapi_url": "https://mriqc.nimh.nih.gov/api/v1"
  },
  "size_t": 200,
  "size_x": 80,
  "size_y": 80,
  "size_z": 37,
  "snr": 4.075331646977752,
  "spacing_tr": 2.0,
  "spacing_x": 3.0,
  "spacing_y": 3.0,
  "spacing_z": 3.299999952316284,
  "summary_bg_k": 55.11418224819613,
  "summary_bg_mad": 66.1621052610546,
  "summary_bg_mean": 605.1839599609375,
  "summary_bg_median": 66.1277847290039,
  "summary_bg_n": 155949.0,
  "summary_bg_p05": 8.490082931518556,
  "summary_bg_p95": 2943.360156250003,
  "summary_bg_stdv": 1801.02490234375,
  "summary_fg_k": 1.0977293822070253,
  "summary_fg_mad": 5768.422998820839,
  "summary_fg_mean": 25969.26171875,
  "summary_fg_median": 25037.84765625,
  "summary_fg_n": 38479.0,
  "summary_fg_p05": 17735.882421875,
  "summary_fg_p95": 37019.501562499994,
  "summary_fg_stdv": 6143.67724609375,
  "tsnr": 74.32171630859375
}