{
  "aor": 0.0014602962962962963,
  "aqi": 0.0025108956296296297,
  "bids_meta": {
    "AcquisitionNumber": 5,
    "BidsifyVersion": "0.3.5",
    "ConversionSoftware": "dcm2niix",
    "ConversionSoftwareVersion": "v1.0.20181125  GCC6.3.0",
    "EchoTime": 0.02762,
    "EffectiveEchoSpacing": 0.0006621159151938905,
    "ImageComments": "Piop",
    "ImageOrientationPatientDICOM": [
      0.999967,
      -0.00309823,
      0.00753696,
      0.00593399,
      0.910753,
      -0.412908
    ],
    "Manufacturer": "Philips",
    "NumberOfVolumesDiscardedByScanner": 2,
    "ParallelAcquisitionTechnique": "SENSE",
    "ParallelReductionFactorInPlane": 2,
    "PatientPosition": "HFS",
    "PhaseEncodingDirection": "j",
    "PhilipsRescaleIntercept": 0,
    "PhilipsRescaleSlope": 0.75775,
    "PhilipsScaleSlope": 0.0572438,
    "ProtocolName": "WIPpiopharririSENSE",
    "PulseSequenceType": "gradient echo EPI",
    "ReconMatrixPE": 80,
    "RepetitionTime": 2,
    "SeriesDescription": "ImageMRSERIES",
    "SeriesNumber": 5,
    "SliceEncodingDirection": "k",
    "SliceTiming": [
      0.0,
      0.0541,
      0.1081,
      0.1622,
      0.2162,
      0.2703,
      0.3243,
      0.3784,
      0.4324,
      0.4865,
      0.5405,
      0.5946,
      0.6486,
      0.7027,
      0.7568,
      0.8108,
      0.8649,
      0.9189,
      0.973,
      1.027,
      1.0811,
      1.1351,
      1.1892,
      1.2432,
      1.2973,
      1.3514,
      1.4054,
      1.4595,
      1.5135,
      1.5676,
      1.6216,
      1.6757,
      1.7297,
      1.7838,
      1.8378,
      1.8919,
      1.9459
    ],
    "TaskName": "emomatching",
    "TotalReadoutTime": 0.025822520692561732,
    "UsePhilipsFloatNotDisplayScaling": 1,
    "acq_id": "seq",
    "dataset": "ds002785",
    "modality": "bold",
    "subject_id": "0186",
    "task_id": "emomatching"
  },
  "dummy_trs": 0,
  "dvars_nstd": 22.969055973507462,
  "dvars_std": 1.292741240671641,
  "dvars_vstd": 1.0101052276865674,
  "efc": 0.4380154418866697,
  "fber": 143297.25,
  "fd_mean": 0.10998960456094758,
  "fd_num": 6,
  "fd_perc": 4.444444444444445,
  "fwhm_avg": 1.890855463416246,
  "fwhm_x": 1.8575833333333334,
  "fwhm_y": 1.9732466666666666,
  "fwhm_z": 1.8417363902487378,
  "gcor": 0.00856643,
  "gsr_x": -0.017383625730872154,
  "gsr_y": 0.01848289556801319,
  "provenance": {
    "md5sum": "ed7ad7ee076d344d7875ef736ee83d32",
    "settings": {
      "fd_thres": 0.2,
      "testing": false
    },
    "software": "mriqc",
    "version": "22.0.0rc1",
    "webapi_port": null,
    "webapi_url": "https://mriqc.nimh.nih.gov/api/v1"
  },
  "size_t": 135,
  "size_x": 80,
  "size_y": 80,
  "size_z": 37,
  "snr": 4.177359499312915,
  "spacing_tr": 2.0,
  "spacing_x": 3.0,
  "spacing_y": 3.0,
  "spacing_z": 3.299999952316284,
  "summary_bg_k": 59.06557452121635,
  "summary_bg_mad": 60.78845553046191,
  "summary_bg_mean": 575.2255249023438,
  "summary_bg_median": 63.58729934692383,
  "summary_bg_n": 155668.0,
  "summary_bg_p05": 9.094609451293946,
  "summary_bg_p95": 2775.3025024414046,
  "summary_bg_stdv": 1722.8192138671875,
  "summary_fg_k": 1.0424793852368008,
  "summary_fg_mad": 5526.784898571548,
  "summary_fg_mean": 25516.705078125,
  "summary_fg_median": 24636.65234375,
  "summary_fg_n": 38521.0,
  "summary_fg_p05": 17566.09765625,
  "summary_fg_p95": 36226.79296875,
  "summary_fg_stdv": 5897.5849609375,
  "tsnr": 85.08879852294922
}