{
  "aor": 0.002414,
  "aqi": 0.008491988530612244,
  "bids_meta": {
    "AcquisitionNumber": 3,
    "BidsifyVersion": "0.3.5",
    "ConversionSoftware": "dcm2niix",
    "ConversionSoftwareVersion": "v1.0.20181125  GCC6.3.0",
    "EchoTime": 0.02762,
    "EffectiveEchoSpacing": 0.0006621159151938905,
    "ImageComments": "Piop",
    "ImageOrientationPatientDICOM": [
      0.999967,
      -0.00309823,
      0.00753696,
      0.00593399,
      0.910753,
      -0.412908
    ],
    "Manufacturer": "Philips",
    "NumberOfVolumesDiscardedByScanner": 2,
    "ParallelAcquisitionTechnique": "SENSE",
    "ParallelReductionFactorInPlane": 2,
    "PatientPosition": "HFS",
    "PhaseEncodingDirection": "j",
    "PhilipsRescaleIntercept": 0,
    "PhilipsRescaleSlope": 0.78877,
    "PhilipsScaleSlope": 0.0555842,
    "ProtocolName": "WIPpiopgstroopSENSE",
    "PulseSequenceType": "gradient echo EPI",
    "ReconMatrixPE": 80,
    "RepetitionTime": 2,
    "SeriesDescription": "ImageMRSERIES",
    "SeriesNumber": 3,
    "SliceEncodingDirection": "k",
    "SliceTiming": [
      0.0,
      0.0541,
      0.1081,
      0.1622,
      0.2162,
      0.2703,
      0.3243,
      0.3784,
      0.4324,
      0.4865,
      0.5405,
      0.5946,
      0.6486,
      0.7027,
      0.7568,
      0.8108,
      0.8649,
      0.9189,
      0.973,
      1.027,
      1.0811,
      1.1351,
      1.1892,
      1.2432,
      1.2973,
      1.3514,
      1.4054,
      1.4595,
      1.5135,
      1.5676,
      1.6216,
      1.6757,
      1.7297,
      1.7838,
      1.8378,
      1.8919,
      1.9459
    ],
    "TaskName": "gstroop",
    "TotalReadoutTime": 0.025822520692561732,
    "UsePhilipsFloatNotDisplayScaling": 1,
    "acq_id": "seq",
    "dataset": "ds002785",
    "modality": "bold",
    "subject_id": "0186",
    "task_id": "gstroop"
  },
  "dummy_trs": 0,
  "dvars_nstd": 22.594634438934442,
  "dvars_std": 1.1522450793032786,
  "dvars_vstd": 0.9458322255737707,
  "efc": 0.43837813048291857,
  "fber": 134274.5,
  "fd_mean": 0.12453936832557352,
  "fd_num": 21,
  "fd_perc": 8.571428571428571,
  "fwhm_avg": 1.8728810187749658,
  "fwhm_x": 1.85233,
  "fwhm_y": 1.9654433333333332,
  "fwhm_z": 1.8008697229915638,
  "gcor": 0.0089283,
  "gsr_x": -0.016809934750199318,
  "gsr_y": 0.017670977860689163,
  "provenance": {
    "md5sum": "9ff1fb7b73a385dd3f874bb2df025c98",
    "settings": {
      "fd_thres": 0.2,
      "testing": false
    },
    "software": "mriqc",
    "version": "22.0.0rc1",
    "webapi_port": null,
    "webapi_url": "https://mriqc.nimh.nih.gov/api/v1"
  },
  "size_t": 245,
  "size_x": 80,
  "size_y": 80,
  "size_z": 37,
  "snr": 4.243635698889858,
  "spacing_tr": 2.0,
  "spacing_x": 3.0,
  "spacing_y": 3.0,
  "spacing_z": 3.299999952316284,
  "summary_bg_k": 58.04250562712564,
  "summary_bg_mad": 67.14101839654519,
  "summary_bg_mean": 567.5169067382812,
  "summary_bg_median": 65.82052612304688,
  "summary_bg_n": 155579.0,
  "summary_bg_p05": 8.470929050445557,
  "summary_bg_p95": 2724.526831054688,
  "summary_bg_stdv": 1689.9342041015625,
  "summary_fg_k": 1.1954830941766028,
  "summary_fg_mad": 5416.206517872186,
  "summary_fg_mean": 25545.939453125,
  "summary_fg_median": 24682.42578125,
  "summary_fg_n": 38620.0,
  "summary_fg_p05": 17786.97060546875,
  "summary_fg_p95": 36108.4662109375,
  "summary_fg_stdv": 5816.26416015625,
  "tsnr": 55.43160629272461
}