{
  "aor": 0.0006563265306122449,
  "aqi": 0.00284012612244898,
  "bids_meta": {
    "AcquisitionNumber": 3,
    "BidsifyVersion": "0.3.5",
    "ConversionSoftware": "dcm2niix",
    "ConversionSoftwareVersion": "v1.0.20181125  GCC6.3.0",
    "EchoTime": 0.02762,
    "EffectiveEchoSpacing": 0.0006621159151938905,
    "ImageComments": "piop",
    "ImageOrientationPatientDICOM": [
      0.998299,
      0.0509478,
      -0.0283539,
      -0.0544154,
      0.988765,
      -0.139219
    ],
    "Manufacturer": "Philips",
    "NumberOfVolumesDiscardedByScanner": 2,
    "ParallelAcquisitionTechnique": "SENSE",
    "ParallelReductionFactorInPlane": 2,
    "PatientPosition": "HFS",
    "PhaseEncodingDirection": "j",
    "PhilipsRescaleIntercept": 0,
    "PhilipsRescaleSlope": 0.78632,
    "PhilipsScaleSlope": 0.0479765,
    "ProtocolName": "WIPpiopgstroopSENSE",
    "PulseSequenceType": "gradient echo EPI",
    "ReconMatrixPE": 80,
    "RepetitionTime": 2,
    "SeriesDescription": "ImageMRSERIES",
    "SeriesNumber": 3,
    "SliceEncodingDirection": "k",
    "SliceTiming": [
      0.0,
      0.0541,
      0.1081,
      0.1622,
      0.2162,
      0.2703,
      0.3243,
      0.3784,
      0.4324,
      0.4865,
      0.5405,
      0.5946,
      0.6486,
      0.7027,
      0.7568,
      0.8108,
      0.8649,
      0.9189,
      0.973,
      1.027,
      1.0811,
      1.1351,
      1.1892,
      1.2432,
      1.2973,
      1.3514,
      1.4054,
      1.4595,
      1.5135,
      1.5676,
      1.6216,
      1.6757,
      1.7297,
      1.7838,
      1.8378,
      1.8919,
      1.9459
    ],
    "TaskName": "gstroop",
    "TotalReadoutTime": 0.025822520692561732,
    "UsePhilipsFloatNotDisplayScaling": 1,
    "acq_id": "seq",
    "dataset": "ds002785",
    "modality": "bold",
    "subject_id": "0185",
    "task_id": "gstroop"
  },
  "dummy_trs": 0,
  "dvars_nstd": 17.44396219102459,
  "dvars_std": 1.15088665454918,
  "dvars_vstd": 1.0025977358606561,
  "efc": 0.4495806106459287,
  "fber": 128620.7734375,
  "fd_mean": 0.11070097391877756,
  "fd_num": 7,
  "fd_perc": 2.857142857142857,
  "fwhm_avg": 1.7537427351859034,
  "fwhm_x": 1.7009866666666669,
  "fwhm_y": 1.9173233333333333,
  "fwhm_z": 1.6429182055577107,
  "gcor": 0.0257129,
  "gsr_x": -0.012566118501126766,
  "gsr_y": 0.02004106156527996,
  "provenance": {
    "md5sum": "33af7d421fa09cfc367429ef06856dfb",
    "settings": {
      "fd_thres": 0.2,
      "testing": false
    },
    "software": "mriqc",
    "version": "22.0.0rc1",
    "webapi_port": null,
    "webapi_url": "https://mriqc.nimh.nih.gov/api/v1"
  },
  "size_t": 245,
  "size_x": 80,
  "size_y": 80,
  "size_z": 37,
  "snr": 5.319932926720739,
  "spacing_tr": 2.0,
  "spacing_x": 3.0,
  "spacing_y": 3.0,
  "spacing_z": 3.299999952316284,
  "summary_bg_k": 46.53249358972886,
  "summary_bg_mad": 81.22993315805176,
  "summary_bg_mean": 789.2940673828125,
  "summary_bg_median": 74.42615509033203,
  "summary_bg_n": 156076.0,
  "summary_bg_p05": 5.135340213775635,
  "summary_bg_p95": 4514.974609375,
  "summary_bg_stdv": 2181.9453125,
  "summary_fg_k": 2.518870852841551,
  "summary_fg_mad": 4803.781764745967,
  "summary_fg_mean": 27954.93359375,
  "summary_fg_median": 27404.9140625,
  "summary_fg_n": 38598.0,
  "summary_fg_p05": 20895.2484375,
  "summary_fg_p95": 36302.7091796875,
  "summary_fg_stdv": 5151.2978515625,
  "tsnr": 91.34857177734375
}