{
  "aor": 0.0005888445378151261,
  "aqi": 0.008525848970588236,
  "bids_meta": {
    "AcquisitionNumber": 6,
    "BidsifyVersion": "0.3.5",
    "ConversionSoftware": "dcm2niix",
    "ConversionSoftwareVersion": "v1.0.20181125  GCC6.3.0",
    "EchoTime": 0.02762,
    "EffectiveEchoSpacing": 0.0006333282667071997,
    "ImageComments": "piop",
    "ImageOrientationPatientDICOM": [
      0.998299,
      0.0509478,
      -0.0283539,
      -0.0544154,
      0.988765,
      -0.139219
    ],
    "Manufacturer": "Philips",
    "NumberOfVolumesDiscardedByScanner": 2,
    "ParallelAcquisitionTechnique": "SENSE",
    "ParallelReductionFactorInPlane": 2,
    "PatientPosition": "HFS",
    "PhaseEncodingDirection": "j",
    "PhilipsRescaleIntercept": 0,
    "PhilipsRescaleSlope": 0.737,
    "PhilipsScaleSlope": 0.0773487,
    "ProtocolName": "WIPpioprsSENSE",
    "PulseSequenceType": "gradient echo EPI",
    "ReconMatrixPE": 80,
    "RepetitionTime": 0.75,
    "SeriesDescription": "ImageMRSERIES",
    "SeriesNumber": 6,
    "SliceEncodingDirection": "k",
    "SliceTiming": [
      0.0,
      0.06755050505050506,
      0.1351010101010101,
      0.20265151515151517,
      0.2702020202020202,
      0.3377525252525253,
      0.40530303030303033,
      0.47285353535353536,
      0.5404040404040404,
      0.6079545454545455,
      0.6755050505050506,
      0.7430555555555556,
      0.0,
      0.06755050505050506,
      0.1351010101010101,
      0.20265151515151517,
      0.2702020202020202,
      0.3377525252525253,
      0.40530303030303033,
      0.47285353535353536,
      0.5404040404040404,
      0.6079545454545455,
      0.6755050505050506,
      0.7430555555555556,
      0.0,
      0.06755050505050506,
      0.1351010101010101,
      0.20265151515151517,
      0.2702020202020202,
      0.3377525252525253,
      0.40530303030303033,
      0.47285353535353536,
      0.5404040404040404,
      0.6079545454545455,
      0.6755050505050506,
      0.7430555555555556
    ],
    "TaskName": "restingstate",
    "TotalReadoutTime": 0.024699802401580786,
    "UsePhilipsFloatNotDisplayScaling": 1,
    "acq_id": "mb3",
    "dataset": "ds002785",
    "modality": "bold",
    "subject_id": "0185",
    "task_id": "restingstate"
  },
  "dummy_trs": 4,
  "dvars_nstd": 25.795234636084203,
  "dvars_std": 1.1114420118947361,
  "dvars_vstd": 1.0018060731157898,
  "efc": 0.4566183997325387,
  "fber": 122727.8125,
  "fd_mean": 0.08880199933085767,
  "fd_num": 8,
  "fd_perc": 1.680672268907563,
  "fwhm_avg": 1.7680420280995646,
  "fwhm_x": 1.7206166666666667,
  "fwhm_y": 1.9438366666666667,
  "fwhm_z": 1.6396727509653604,
  "gcor": 0.0162069,
  "gsr_x": -0.014197898097336292,
  "gsr_y": 0.017621876671910286,
  "provenance": {
    "md5sum": "c005eb0dea3c2605b681be690bd8366c",
    "settings": {
      "fd_thres": 0.2,
      "testing": false
    },
    "software": "mriqc",
    "version": "22.0.0rc1",
    "webapi_port": null,
    "webapi_url": "https://mriqc.nimh.nih.gov/api/v1"
  },
  "size_t": 476,
  "size_x": 80,
  "size_y": 80,
  "size_z": 36,
  "snr": 6.760516877590018,
  "spacing_tr": 0.75,
  "spacing_x": 3.0,
  "spacing_y": 3.0,
  "spacing_z": 3.299999952316284,
  "summary_bg_k": 30.445682256200925,
  "summary_bg_mad": 60.70524353079427,
  "summary_bg_mean": 596.4970703125,
  "summary_bg_median": 55.34175491333008,
  "summary_bg_n": 151399.0,
  "summary_bg_p05": 4.475996303558349,
  "summary_bg_p95": 3361.359204101563,
  "summary_bg_stdv": 1541.233642578125,
  "summary_fg_k": 2.2691414373812675,
  "summary_fg_mad": 2721.2077830373564,
  "summary_fg_mean": 19788.650390625,
  "summary_fg_median": 19733.1796875,
  "summary_fg_n": 37588.0,
  "summary_fg_p05": 15346.139697265626,
  "summary_fg_p95": 24335.29658203125,
  "summary_fg_stdv": 2918.847412109375,
  "tsnr": 56.67993927001953
}