{
  "aor": 0.0012265185185185185,
  "aqi": 0.0032728388888888884,
  "bids_meta": {
    "AcquisitionNumber": 5,
    "BidsifyVersion": "0.3.5",
    "ConversionSoftware": "dcm2niix",
    "ConversionSoftwareVersion": "v1.0.20181125  GCC6.3.0",
    "EchoTime": 0.02762,
    "EffectiveEchoSpacing": 0.0006621159151938905,
    "ImageComments": "piop",
    "ImageOrientationPatientDICOM": [
      0.998299,
      0.0509478,
      -0.0283539,
      -0.0544154,
      0.988765,
      -0.139219
    ],
    "Manufacturer": "Philips",
    "NumberOfVolumesDiscardedByScanner": 2,
    "ParallelAcquisitionTechnique": "SENSE",
    "ParallelReductionFactorInPlane": 2,
    "PatientPosition": "HFS",
    "PhaseEncodingDirection": "j",
    "PhilipsRescaleIntercept": 0,
    "PhilipsRescaleSlope": 0.79219,
    "PhilipsScaleSlope": 0.0471885,
    "ProtocolName": "WIPpiopharririSENSE",
    "PulseSequenceType": "gradient echo EPI",
    "ReconMatrixPE": 80,
    "RepetitionTime": 2,
    "SeriesDescription": "ImageMRSERIES",
    "SeriesNumber": 5,
    "SliceEncodingDirection": "k",
    "SliceTiming": [
      0.0,
      0.0541,
      0.1081,
      0.1622,
      0.2162,
      0.2703,
      0.3243,
      0.3784,
      0.4324,
      0.4865,
      0.5405,
      0.5946,
      0.6486,
      0.7027,
      0.7568,
      0.8108,
      0.8649,
      0.9189,
      0.973,
      1.027,
      1.0811,
      1.1351,
      1.1892,
      1.2432,
      1.2973,
      1.3514,
      1.4054,
      1.4595,
      1.5135,
      1.5676,
      1.6216,
      1.6757,
      1.7297,
      1.7838,
      1.8378,
      1.8919,
      1.9459
    ],
    "TaskName": "emomatching",
    "TotalReadoutTime": 0.025822520692561732,
    "UsePhilipsFloatNotDisplayScaling": 1,
    "acq_id": "seq",
    "dataset": "ds002785",
    "modality": "bold",
    "subject_id": "0185",
    "task_id": "emomatching"
  },
  "dummy_trs": 0,
  "dvars_nstd": 17.27760028813432,
  "dvars_std": 1.1429870282089551,
  "dvars_vstd": 1.0010169202985073,
  "efc": 0.45025887805205916,
  "fber": 126549.34375,
  "fd_mean": 0.12489643756085629,
  "fd_num": 7,
  "fd_perc": 5.185185185185185,
  "fwhm_avg": 1.8003922304202893,
  "fwhm_x": 1.7390866666666664,
  "fwhm_y": 1.9600233333333332,
  "fwhm_z": 1.702066691260868,
  "gcor": 0.0221476,
  "gsr_x": -0.012478142976760864,
  "gsr_y": 0.02041427418589592,
  "provenance": {
    "md5sum": "6e6fe721b91b3ff67cd886eedc967dfd",
    "settings": {
      "fd_thres": 0.2,
      "testing": false
    },
    "software": "mriqc",
    "version": "22.0.0rc1",
    "webapi_port": null,
    "webapi_url": "https://mriqc.nimh.nih.gov/api/v1"
  },
  "size_t": 135,
  "size_x": 80,
  "size_y": 80,
  "size_z": 37,
  "snr": 5.221136633095288,
  "spacing_tr": 2.0,
  "spacing_x": 3.0,
  "spacing_y": 3.0,
  "spacing_z": 3.299999952316284,
  "summary_bg_k": 43.211938475678075,
  "summary_bg_mad": 85.36726567955412,
  "summary_bg_mean": 811.1923828125,
  "summary_bg_median": 76.06238555908203,
  "summary_bg_n": 155940.0,
  "summary_bg_p05": 4.460779452323914,
  "summary_bg_p95": 4734.331591796874,
  "summary_bg_stdv": 2210.77197265625,
  "summary_fg_k": 2.276073147225711,
  "summary_fg_mad": 4940.722666143132,
  "summary_fg_mean": 28250.5859375,
  "summary_fg_median": 27712.416015625,
  "summary_fg_n": 38608.0,
  "summary_fg_p05": 20812.94267578125,
  "summary_fg_p95": 36796.80078125,
  "summary_fg_stdv": 5307.66748046875,
  "tsnr": 85.54875946044922
}