{
  "aor": 0.0010296913580246912,
  "aqi": 0.0029214223456790122,
  "bids_meta": {
    "AcquisitionNumber": 8,
    "BidsifyVersion": "0.3.5",
    "ConversionSoftware": "dcm2niix",
    "ConversionSoftwareVersion": "v1.0.20181125  GCC6.3.0",
    "EchoTime": 0.02762,
    "EffectiveEchoSpacing": 0.0006621159151938905,
    "ImageComments": "piop",
    "ImageOrientationPatientDICOM": [
      0.998299,
      0.0509478,
      -0.0283539,
      -0.0544154,
      0.988765,
      -0.139219
    ],
    "Manufacturer": "Philips",
    "NumberOfVolumesDiscardedByScanner": 2,
    "ParallelAcquisitionTechnique": "SENSE",
    "ParallelReductionFactorInPlane": 2,
    "PatientPosition": "HFS",
    "PhaseEncodingDirection": "j",
    "PhilipsRescaleIntercept": 0,
    "PhilipsRescaleSlope": 0.78803,
    "PhilipsScaleSlope": 0.0479577,
    "ProtocolName": "WIPpiopwmSENSE",
    "PulseSequenceType": "gradient echo EPI",
    "ReconMatrixPE": 80,
    "RepetitionTime": 2,
    "SeriesDescription": "ImageMRSERIES",
    "SeriesNumber": 8,
    "SliceEncodingDirection": "k",
    "SliceTiming": [
      0.0,
      0.0541,
      0.1081,
      0.1622,
      0.2162,
      0.2703,
      0.3243,
      0.3784,
      0.4324,
      0.4865,
      0.5405,
      0.5946,
      0.6486,
      0.7027,
      0.7568,
      0.8108,
      0.8649,
      0.9189,
      0.973,
      1.027,
      1.0811,
      1.1351,
      1.1892,
      1.2432,
      1.2973,
      1.3514,
      1.4054,
      1.4595,
      1.5135,
      1.5676,
      1.6216,
      1.6757,
      1.7297,
      1.7838,
      1.8378,
      1.8919,
      1.9459
    ],
    "TaskName": "workingmemory",
    "TotalReadoutTime": 0.025822520692561732,
    "UsePhilipsFloatNotDisplayScaling": 1,
    "acq_id": "seq",
    "dataset": "ds002785",
    "modality": "bold",
    "subject_id": "0185",
    "task_id": "workingmemory"
  },
  "dummy_trs": 0,
  "dvars_nstd": 17.581685475155286,
  "dvars_std": 1.1859920081366462,
  "dvars_vstd": 1.0107663685714288,
  "efc": 0.4505866194573884,
  "fber": 135428.421875,
  "fd_mean": 0.11209744851629956,
  "fd_num": 9,
  "fd_perc": 5.555555555555555,
  "fwhm_avg": 1.7808915232244544,
  "fwhm_x": 1.71929,
  "fwhm_y": 1.9472966666666667,
  "fwhm_z": 1.6760879030066966,
  "gcor": 0.0160521,
  "gsr_x": -0.012812516652047634,
  "gsr_y": 0.02010164223611355,
  "provenance": {
    "md5sum": "3d4f955985bc7d25f51588bc058d0789",
    "settings": {
      "fd_thres": 0.2,
      "testing": false
    },
    "software": "mriqc",
    "version": "22.0.0rc1",
    "webapi_port": null,
    "webapi_url": "https://mriqc.nimh.nih.gov/api/v1"
  },
  "size_t": 162,
  "size_x": 80,
  "size_y": 80,
  "size_z": 37,
  "snr": 5.300957080476285,
  "spacing_tr": 2.0,
  "spacing_x": 3.0,
  "spacing_y": 3.0,
  "spacing_z": 3.299999952316284,
  "summary_bg_k": 39.94340900412364,
  "summary_bg_mad": 76.57868043089462,
  "summary_bg_mean": 811.1964721679688,
  "summary_bg_median": 72.79309844970703,
  "summary_bg_n": 156175.0,
  "summary_bg_p05": 6.017523479461671,
  "summary_bg_p95": 4730.732910156248,
  "summary_bg_stdv": 2190.0,
  "summary_fg_k": 2.337240910157081,
  "summary_fg_mad": 4853.912252259188,
  "summary_fg_mean": 27959.009765625,
  "summary_fg_median": 27441.146484375,
  "summary_fg_n": 38488.0,
  "summary_fg_p05": 20749.1357421875,
  "summary_fg_p95": 36240.2861328125,
  "summary_fg_stdv": 5176.57275390625,
  "tsnr": 89.52239227294922
}