{
  "aor": 0.0004917272727272727,
  "aqi": 0.005628364575757575,
  "bids_meta": {
    "AcquisitionNumber": 2,
    "BidsifyVersion": "0.3.5",
    "ConversionSoftware": "dcm2niix",
    "ConversionSoftwareVersion": "v1.0.20181125  GCC6.3.0",
    "EchoTime": 0.02762,
    "EffectiveEchoSpacing": 0.0006333282667071997,
    "ImageComments": "piop",
    "ImageOrientationPatientDICOM": [
      0.998299,
      0.0509478,
      -0.0283539,
      -0.0544154,
      0.988765,
      -0.139219
    ],
    "Manufacturer": "Philips",
    "NumberOfVolumesDiscardedByScanner": 2,
    "ParallelAcquisitionTechnique": "SENSE",
    "ParallelReductionFactorInPlane": 2,
    "PatientPosition": "HFS",
    "PhaseEncodingDirection": "j",
    "PhilipsRescaleIntercept": 0,
    "PhilipsRescaleSlope": 0.81368,
    "PhilipsScaleSlope": 0.0751409,
    "ProtocolName": "WIPpiopfacesSENSE",
    "PulseSequenceType": "gradient echo EPI",
    "ReconMatrixPE": 80,
    "RepetitionTime": 0.75,
    "SeriesDescription": "ImageMRSERIES",
    "SeriesNumber": 2,
    "SliceEncodingDirection": "k",
    "SliceTiming": [
      0.0,
      0.06755050505050506,
      0.1351010101010101,
      0.20265151515151517,
      0.2702020202020202,
      0.3377525252525253,
      0.40530303030303033,
      0.47285353535353536,
      0.5404040404040404,
      0.6079545454545455,
      0.6755050505050506,
      0.7430555555555556,
      0.0,
      0.06755050505050506,
      0.1351010101010101,
      0.20265151515151517,
      0.2702020202020202,
      0.3377525252525253,
      0.40530303030303033,
      0.47285353535353536,
      0.5404040404040404,
      0.6079545454545455,
      0.6755050505050506,
      0.7430555555555556,
      0.0,
      0.06755050505050506,
      0.1351010101010101,
      0.20265151515151517,
      0.2702020202020202,
      0.3377525252525253,
      0.40530303030303033,
      0.47285353535353536,
      0.5404040404040404,
      0.6079545454545455,
      0.6755050505050506,
      0.7430555555555556
    ],
    "TaskName": "faces",
    "TotalReadoutTime": 0.024699802401580786,
    "UsePhilipsFloatNotDisplayScaling": 1,
    "acq_id": "mb3",
    "dataset": "ds002785",
    "modality": "bold",
    "subject_id": "0185",
    "task_id": "faces"
  },
  "dummy_trs": 0,
  "dvars_nstd": 20.7807338043465,
  "dvars_std": 1.0960614117325231,
  "dvars_vstd": 1.0107907524620063,
  "efc": 0.45783448216861583,
  "fber": 124760.8984375,
  "fd_mean": 0.10400389721210343,
  "fd_num": 10,
  "fd_perc": 3.0303030303030303,
  "fwhm_avg": 1.9992825775666017,
  "fwhm_x": 1.9737866666666666,
  "fwhm_y": 2.213836666666667,
  "fwhm_z": 1.8102243993664713,
  "gcor": 0.0305897,
  "gsr_x": -0.014864437282085419,
  "gsr_y": 0.01744099333882332,
  "provenance": {
    "md5sum": "ce70c4a32fd5bc89fefc162b27d29a6d",
    "settings": {
      "fd_thres": 0.2,
      "testing": false
    },
    "software": "mriqc",
    "version": "22.0.0rc1",
    "webapi_port": null,
    "webapi_url": "https://mriqc.nimh.nih.gov/api/v1"
  },
  "size_t": 330,
  "size_x": 80,
  "size_y": 80,
  "size_z": 36,
  "snr": 6.79270717549671,
  "spacing_tr": 0.75,
  "spacing_x": 3.0,
  "spacing_y": 3.0,
  "spacing_z": 3.299999713897705,
  "summary_bg_k": 30.651861506881573,
  "summary_bg_mad": 61.91072032432099,
  "summary_bg_mean": 591.3938598632812,
  "summary_bg_median": 56.60927200317383,
  "summary_bg_n": 151229.0,
  "summary_bg_p05": 5.105319595336915,
  "summary_bg_p95": 3300.3888183593754,
  "summary_bg_stdv": 1490.156494140625,
  "summary_fg_k": 1.3639199581522314,
  "summary_fg_mad": 2819.4461064043717,
  "summary_fg_mean": 20266.37109375,
  "summary_fg_median": 20199.24609375,
  "summary_fg_n": 37785.0,
  "summary_fg_p05": 15586.796484375,
  "summary_fg_p95": 24955.36914062499,
  "summary_fg_stdv": 2973.627197265625,
  "tsnr": 68.85118103027344
}