{
  "aor": 0.0012584,
  "aqi": 0.0035861900499999998,
  "bids_meta": {
    "AcquisitionNumber": 9,
    "BidsifyVersion": "0.3.5",
    "ConversionSoftware": "dcm2niix",
    "ConversionSoftwareVersion": "v1.0.20181125  GCC6.3.0",
    "EchoTime": 0.02762,
    "EffectiveEchoSpacing": 0.0006621159151938905,
    "ImageComments": "piop",
    "ImageOrientationPatientDICOM": [
      0.998299,
      0.0509478,
      -0.0283539,
      -0.0544154,
      0.988765,
      -0.139219
    ],
    "Manufacturer": "Philips",
    "NumberOfVolumesDiscardedByScanner": 2,
    "ParallelAcquisitionTechnique": "SENSE",
    "ParallelReductionFactorInPlane": 2,
    "PatientPosition": "HFS",
    "PhaseEncodingDirection": "j",
    "PhilipsRescaleIntercept": 0,
    "PhilipsRescaleSlope": 0.80049,
    "PhilipsScaleSlope": 0.0480775,
    "ProtocolName": "WIPpiopanticipatieSENSE",
    "PulseSequenceType": "gradient echo EPI",
    "ReconMatrixPE": 80,
    "RepetitionTime": 2,
    "SeriesDescription": "ImageMRSERIES",
    "SeriesNumber": 9,
    "SliceEncodingDirection": "k",
    "SliceTiming": [
      0.0,
      0.0541,
      0.1081,
      0.1622,
      0.2162,
      0.2703,
      0.3243,
      0.3784,
      0.4324,
      0.4865,
      0.5405,
      0.5946,
      0.6486,
      0.7027,
      0.7568,
      0.8108,
      0.8649,
      0.9189,
      0.973,
      1.027,
      1.0811,
      1.1351,
      1.1892,
      1.2432,
      1.2973,
      1.3514,
      1.4054,
      1.4595,
      1.5135,
      1.5676,
      1.6216,
      1.6757,
      1.7297,
      1.7838,
      1.8378,
      1.8919,
      1.9459
    ],
    "TaskName": "anticipation",
    "TotalReadoutTime": 0.025822520692561732,
    "UsePhilipsFloatNotDisplayScaling": 1,
    "acq_id": "seq",
    "dataset": "ds002785",
    "modality": "bold",
    "subject_id": "0185",
    "task_id": "anticipation"
  },
  "dummy_trs": 0,
  "dvars_nstd": 18.842125705728645,
  "dvars_std": 1.1747128106532665,
  "dvars_vstd": 0.9975874697989949,
  "efc": 0.4509272532138922,
  "fber": 128077.828125,
  "fd_mean": 0.15005829967289377,
  "fd_num": 32,
  "fd_perc": 16.0,
  "fwhm_avg": 1.7783312201561445,
  "fwhm_x": 1.7199566666666666,
  "fwhm_y": 1.94684,
  "fwhm_z": 1.6681969938017671,
  "gcor": 0.0245576,
  "gsr_x": -0.01278732530772686,
  "gsr_y": 0.020262327045202255,
  "provenance": {
    "md5sum": "672ebf6c30b1a8464c46bad4b51b8bfd",
    "settings": {
      "fd_thres": 0.2,
      "testing": false
    },
    "software": "mriqc",
    "version": "22.0.0rc1",
    "webapi_port": null,
    "webapi_url": "https://mriqc.nimh.nih.gov/api/v1"
  },
  "size_t": 200,
  "size_x": 80,
  "size_y": 80,
  "size_z": 37,
  "snr": 5.3161924710715525,
  "spacing_tr": 2.0,
  "spacing_x": 3.0,
  "spacing_y": 3.0,
  "spacing_z": 3.299999952316284,
  "summary_bg_k": 40.68789932067921,
  "summary_bg_mad": 81.1507522433269,
  "summary_bg_mean": 809.3450317382812,
  "summary_bg_median": 74.24801635742188,
  "summary_bg_n": 156128.0,
  "summary_bg_p05": 5.567073369026184,
  "summary_bg_p95": 4716.869628906246,
  "summary_bg_stdv": 2195.92724609375,
  "summary_fg_k": 2.3524952388452594,
  "summary_fg_mad": 4754.221731601976,
  "summary_fg_mean": 27658.955078125,
  "summary_fg_median": 27124.94921875,
  "summary_fg_n": 38566.0,
  "summary_fg_p05": 20568.34765625,
  "summary_fg_p95": 35905.8994140625,
  "summary_fg_stdv": 5102.26025390625,
  "tsnr": 82.9350357055664
}