{
  "aor": 0.0039409499999999995,
  "aqi": 0.00543583845,
  "bids_meta": {
    "AcquisitionNumber": 9,
    "BidsifyVersion": "0.3.5",
    "ConversionSoftware": "dcm2niix",
    "ConversionSoftwareVersion": "v1.0.20181125  GCC6.3.0",
    "EchoTime": 0.02762,
    "EffectiveEchoSpacing": 0.0006621159151938905,
    "ImageComments": "piop",
    "ImageOrientationPatientDICOM": [
      0.999402,
      0.0327959,
      0.0109843,
      -0.0279158,
      0.952382,
      -0.303627
    ],
    "Manufacturer": "Philips",
    "NumberOfVolumesDiscardedByScanner": 2,
    "ParallelAcquisitionTechnique": "SENSE",
    "ParallelReductionFactorInPlane": 2,
    "PatientPosition": "HFS",
    "PhaseEncodingDirection": "j",
    "PhilipsRescaleIntercept": 0,
    "PhilipsRescaleSlope": 0.76777,
    "PhilipsScaleSlope": 0.0594816,
    "ProtocolName": "WIPpiopanticipatieSENSE",
    "PulseSequenceType": "gradient echo EPI",
    "ReconMatrixPE": 80,
    "RepetitionTime": 2,
    "SeriesDescription": "ImageMRSERIES",
    "SeriesNumber": 9,
    "SliceEncodingDirection": "k",
    "SliceTiming": [
      0.0,
      0.0541,
      0.1081,
      0.1622,
      0.2162,
      0.2703,
      0.3243,
      0.3784,
      0.4324,
      0.4865,
      0.5405,
      0.5946,
      0.6486,
      0.7027,
      0.7568,
      0.8108,
      0.8649,
      0.9189,
      0.973,
      1.027,
      1.0811,
      1.1351,
      1.1892,
      1.2432,
      1.2973,
      1.3514,
      1.4054,
      1.4595,
      1.5135,
      1.5676,
      1.6216,
      1.6757,
      1.7297,
      1.7838,
      1.8378,
      1.8919,
      1.9459
    ],
    "TaskName": "anticipation",
    "TotalReadoutTime": 0.025822520692561732,
    "UsePhilipsFloatNotDisplayScaling": 1,
    "acq_id": "seq",
    "dataset": "ds002785",
    "modality": "bold",
    "subject_id": "0183",
    "task_id": "anticipation"
  },
  "dummy_trs": 0,
  "dvars_nstd": 22.16274866286433,
  "dvars_std": 1.1948388438190956,
  "dvars_vstd": 1.0254828038693462,
  "efc": 0.44237840812564977,
  "fber": 130693.15625,
  "fd_mean": 0.13091489999167003,
  "fd_num": 11,
  "fd_perc": 5.5,
  "fwhm_avg": 1.7451488968496613,
  "fwhm_x": 1.6993233333333333,
  "fwhm_y": 1.8833233333333332,
  "fwhm_z": 1.6528000238823173,
  "gcor": 0.0144492,
  "gsr_x": -0.01849675178527832,
  "gsr_y": 0.03274599835276604,
  "provenance": {
    "md5sum": "d42a36caded684d93cda7113f6efbf05",
    "settings": {
      "fd_thres": 0.2,
      "testing": false
    },
    "software": "mriqc",
    "version": "22.0.0rc1",
    "webapi_port": null,
    "webapi_url": "https://mriqc.nimh.nih.gov/api/v1"
  },
  "size_t": 200,
  "size_x": 80,
  "size_y": 80,
  "size_z": 37,
  "snr": 5.815539344226942,
  "spacing_tr": 2.0,
  "spacing_x": 3.0,
  "spacing_y": 3.0,
  "spacing_z": 3.299999952316284,
  "summary_bg_k": 53.626563368521055,
  "summary_bg_mad": 58.64130117561792,
  "summary_bg_mean": 638.128662109375,
  "summary_bg_median": 63.143096923828125,
  "summary_bg_n": 158064.0,
  "summary_bg_p05": 7.048639750480652,
  "summary_bg_p95": 3859.4022216796916,
  "summary_bg_stdv": 1738.213134765625,
  "summary_fg_k": 1.8142390770631147,
  "summary_fg_mad": 3874.4363088768864,
  "summary_fg_mean": 23799.681640625,
  "summary_fg_median": 23382.921875,
  "summary_fg_n": 37288.0,
  "summary_fg_p05": 18217.56640625,
  "summary_fg_p95": 30548.6439453125,
  "summary_fg_stdv": 4020.7119140625,
  "tsnr": 77.48787689208984
}