{
  "aor": 0.0016798541666666667,
  "aqi": 0.014534341541666666,
  "bids_meta": {
    "AcquisitionNumber": 6,
    "BidsifyVersion": "0.3.5",
    "ConversionSoftware": "dcm2niix",
    "ConversionSoftwareVersion": "v1.0.20181125  GCC6.3.0",
    "EchoTime": 0.02762,
    "EffectiveEchoSpacing": 0.0006333282667071997,
    "ImageComments": "piop",
    "ImageOrientationPatientDICOM": [
      0.999402,
      0.0327959,
      0.0109843,
      -0.0279158,
      0.952382,
      -0.303627
    ],
    "Manufacturer": "Philips",
    "NumberOfVolumesDiscardedByScanner": 2,
    "ParallelAcquisitionTechnique": "SENSE",
    "ParallelReductionFactorInPlane": 2,
    "PatientPosition": "HFS",
    "PhaseEncodingDirection": "j",
    "PhilipsRescaleIntercept": 0,
    "PhilipsRescaleSlope": 0.81197,
    "PhilipsScaleSlope": 0.0978386,
    "ProtocolName": "WIPpioprsSENSE",
    "PulseSequenceType": "gradient echo EPI",
    "ReconMatrixPE": 80,
    "RepetitionTime": 0.75,
    "SeriesDescription": "ImageMRSERIES",
    "SeriesNumber": 6,
    "SliceEncodingDirection": "k",
    "SliceTiming": [
      0.0,
      0.06755050505050506,
      0.1351010101010101,
      0.20265151515151517,
      0.2702020202020202,
      0.3377525252525253,
      0.40530303030303033,
      0.47285353535353536,
      0.5404040404040404,
      0.6079545454545455,
      0.6755050505050506,
      0.7430555555555556,
      0.0,
      0.06755050505050506,
      0.1351010101010101,
      0.20265151515151517,
      0.2702020202020202,
      0.3377525252525253,
      0.40530303030303033,
      0.47285353535353536,
      0.5404040404040404,
      0.6079545454545455,
      0.6755050505050506,
      0.7430555555555556,
      0.0,
      0.06755050505050506,
      0.1351010101010101,
      0.20265151515151517,
      0.2702020202020202,
      0.3377525252525253,
      0.40530303030303033,
      0.47285353535353536,
      0.5404040404040404,
      0.6079545454545455,
      0.6755050505050506,
      0.7430555555555556
    ],
    "TaskName": "restingstate",
    "TotalReadoutTime": 0.024699802401580786,
    "UsePhilipsFloatNotDisplayScaling": 1,
    "acq_id": "mb3",
    "dataset": "ds002785",
    "modality": "bold",
    "subject_id": "0183",
    "task_id": "restingstate"
  },
  "dummy_trs": 0,
  "dvars_nstd": 28.979898890626302,
  "dvars_std": 1.1020566189979124,
  "dvars_vstd": 1.0033848615240093,
  "efc": 0.4452637109070982,
  "fber": 126162.359375,
  "fd_mean": 0.1287623062355049,
  "fd_num": 35,
  "fd_perc": 7.291666666666667,
  "fwhm_avg": 1.8003934425034362,
  "fwhm_x": 1.7596733333333334,
  "fwhm_y": 1.9473433333333334,
  "fwhm_z": 1.6941636608436421,
  "gcor": 0.0115776,
  "gsr_x": -0.017637284472584724,
  "gsr_y": 0.029182858765125275,
  "provenance": {
    "md5sum": "fb427e0aebcc1354943bb238b9eec7d1",
    "settings": {
      "fd_thres": 0.2,
      "testing": false
    },
    "software": "mriqc",
    "version": "22.0.0rc1",
    "webapi_port": null,
    "webapi_url": "https://mriqc.nimh.nih.gov/api/v1"
  },
  "size_t": 480,
  "size_x": 80,
  "size_y": 80,
  "size_z": 36,
  "snr": 7.0823205716250435,
  "spacing_tr": 0.75,
  "spacing_x": 3.0,
  "spacing_y": 3.0,
  "spacing_z": 3.299999952316284,
  "summary_bg_k": 23.04504002242682,
  "summary_bg_mad": 50.66812763504523,
  "summary_bg_mean": 461.9848327636719,
  "summary_bg_median": 49.110595703125,
  "summary_bg_n": 153241.0,
  "summary_bg_p05": 4.761430263519287,
  "summary_bg_p95": 2759.153076171875,
  "summary_bg_stdv": 1171.39013671875,
  "summary_fg_k": 1.267395373416072,
  "summary_fg_mad": 2406.8048979292416,
  "summary_fg_mean": 17866.73046875,
  "summary_fg_median": 17765.74609375,
  "summary_fg_n": 36568.0,
  "summary_fg_p05": 14046.246923828125,
  "summary_fg_p95": 22027.24853515625,
  "summary_fg_stdv": 2508.4296875,
  "tsnr": 45.72323226928711
}