{
  "aor": 0.00199785,
  "aqi": 0.00534166375,
  "bids_meta": {
    "AcquisitionNumber": 9,
    "BidsifyVersion": "0.3.5",
    "ConversionSoftware": "dcm2niix",
    "ConversionSoftwareVersion": "v1.0.20181125  GCC6.3.0",
    "EchoTime": 0.02762,
    "ImageComments": "piop",
    "ImageOrientationPatientDICOM": [
      0.997443,
      0.0222286,
      0.0679205,
      -0.00835636,
      0.980154,
      -0.198062
    ],
    "Manufacturer": "Philips",
    "NumberOfVolumesDiscardedByScanner": 2,
    "ParallelAcquisitionTechnique": "SENSE",
    "ParallelReductionFactorInPlane": 2,
    "PatientPosition": "HFS",
    "PhaseEncodingDirection": "j",
    "PhilipsRescaleIntercept": 0,
    "PhilipsRescaleSlope": 0.77582,
    "PhilipsScaleSlope": 0.0599186,
    "ProtocolName": "WIPpiopanticipatieSENSE",
    "PulseSequenceType": "gradient echo EPI",
    "ReconMatrixPE": 80,
    "RepetitionTime": 2,
    "SeriesDescription": "ImageMRSERIES",
    "SeriesNumber": 9,
    "SliceEncodingDirection": "k",
    "TaskName": "anticipation",
    "UsePhilipsFloatNotDisplayScaling": 1,
    "acq_id": "seq",
    "dataset": "ds002785",
    "modality": "bold",
    "subject_id": "0202",
    "task_id": "anticipation"
  },
  "dummy_trs": 0,
  "dvars_nstd": 24.248098746834142,
  "dvars_std": 1.2698201407537688,
  "dvars_vstd": 0.9897534237688439,
  "efc": 0.4410146568400899,
  "fber": 150284.953125,
  "fd_mean": 0.1395271622921778,
  "fd_num": 38,
  "fd_perc": 19.0,
  "fwhm_avg": 1.8588414227337513,
  "fwhm_x": 1.8229966666666666,
  "fwhm_y": 1.9696033333333334,
  "fwhm_z": 1.7839242682012537,
  "gcor": 0.0404873,
  "gsr_x": -0.01790756732225418,
  "gsr_y": 0.02003452181816101,
  "provenance": {
    "md5sum": "f7ff6e5b2a9d6ce7ad4bf29983750eee",
    "settings": {
      "fd_thres": 0.2,
      "testing": false
    },
    "software": "mriqc",
    "version": "23.0.1",
    "webapi_port": null,
    "webapi_url": "https://mriqc.nimh.nih.gov/api/v1"
  },
  "size_t": 200,
  "size_x": 80,
  "size_y": 80,
  "size_z": 37,
  "snr": 5.202275222136187,
  "spacing_tr": 2.0,
  "spacing_x": 3.0,
  "spacing_y": 3.0,
  "spacing_z": 3.299999952316284,
  "summary_bg_k": 77.53923298156145,
  "summary_bg_mad": 63.75494097868257,
  "summary_bg_mean": 596.625,
  "summary_bg_median": 61.38836669921875,
  "summary_bg_n": 156030.0,
  "summary_bg_p05": 4.324256491661072,
  "summary_bg_p95": 3485.0011352539,
  "summary_bg_stdv": 1877.5308837890625,
  "summary_fg_k": 1.6222924367914544,
  "summary_fg_mad": 4432.9140320602155,
  "summary_fg_mean": 25061.142578125,
  "summary_fg_median": 24526.482421875,
  "summary_fg_n": 38901.0,
  "summary_fg_p05": 18323.2265625,
  "summary_fg_p95": 33042.703125,
  "summary_fg_stdv": 4714.5078125,
  "tsnr": 74.3508529663086
}