{
  "aor": 0.01010388888888889,
  "aqi": 0.005415161975308642,
  "bids_meta": {
    "AcquisitionNumber": 8,
    "BidsifyVersion": "0.3.5",
    "ConversionSoftware": "dcm2niix",
    "ConversionSoftwareVersion": "v1.0.20181125  GCC6.3.0",
    "EchoTime": 0.02762,
    "ImageComments": "piop",
    "ImageOrientationPatientDICOM": [
      0.997443,
      0.0222286,
      0.0679205,
      -0.00835636,
      0.980154,
      -0.198062
    ],
    "Manufacturer": "Philips",
    "NumberOfVolumesDiscardedByScanner": 2,
    "ParallelAcquisitionTechnique": "SENSE",
    "ParallelReductionFactorInPlane": 2,
    "PatientPosition": "HFS",
    "PhaseEncodingDirection": "j",
    "PhilipsRescaleIntercept": 0,
    "PhilipsRescaleSlope": 0.77656,
    "PhilipsScaleSlope": 0.0585737,
    "ProtocolName": "WIPpiopwmSENSE",
    "PulseSequenceType": "gradient echo EPI",
    "ReconMatrixPE": 80,
    "RepetitionTime": 2,
    "SeriesDescription": "ImageMRSERIES",
    "SeriesNumber": 8,
    "SliceEncodingDirection": "k",
    "TaskName": "workingmemory",
    "UsePhilipsFloatNotDisplayScaling": 1,
    "acq_id": "seq",
    "dataset": "ds002785",
    "modality": "bold",
    "subject_id": "0202",
    "task_id": "workingmemory"
  },
  "dummy_trs": 0,
  "dvars_nstd": 25.987626176024836,
  "dvars_std": 1.3887568691925465,
  "dvars_vstd": 1.1107768462732919,
  "efc": 0.4401161248304025,
  "fber": 151959.4375,
  "fd_mean": 0.18745146890761644,
  "fd_num": 41,
  "fd_perc": 25.308641975308642,
  "fwhm_avg": 1.880656271383267,
  "fwhm_x": 1.8389866666666668,
  "fwhm_y": 1.98487,
  "fwhm_z": 1.818112147483134,
  "gcor": 0.0250401,
  "gsr_x": -0.017712442204356194,
  "gsr_y": 0.020055031403899193,
  "provenance": {
    "md5sum": "5838f731d35961497de951a35e1c12b9",
    "settings": {
      "fd_thres": 0.2,
      "testing": false
    },
    "software": "mriqc",
    "version": "23.0.1",
    "webapi_port": null,
    "webapi_url": "https://mriqc.nimh.nih.gov/api/v1"
  },
  "size_t": 162,
  "size_x": 80,
  "size_y": 80,
  "size_z": 37,
  "snr": 5.134931317712689,
  "spacing_tr": 2.0,
  "spacing_x": 3.0,
  "spacing_y": 3.0,
  "spacing_z": 3.299999952316284,
  "summary_bg_k": 77.67540796282664,
  "summary_bg_mad": 63.84668739740128,
  "summary_bg_mean": 599.566650390625,
  "summary_bg_median": 62.36677932739258,
  "summary_bg_n": 156123.0,
  "summary_bg_p05": 4.906322193145752,
  "summary_bg_p95": 3517.250219726561,
  "summary_bg_stdv": 1886.98388671875,
  "summary_fg_k": 1.5344221735310342,
  "summary_fg_mad": 4604.971177800773,
  "summary_fg_mean": 25547.5703125,
  "summary_fg_median": 25007.13671875,
  "summary_fg_n": 38822.0,
  "summary_fg_p05": 18602.49130859375,
  "summary_fg_p95": 33782.375195312496,
  "summary_fg_stdv": 4869.94140625,
  "tsnr": 68.98452758789062
}