{
  "aor": 0.0020648571428571426,
  "aqi": 0.006591591265306122,
  "bids_meta": {
    "AcquisitionNumber": 3,
    "BidsifyVersion": "0.3.5",
    "ConversionSoftware": "dcm2niix",
    "ConversionSoftwareVersion": "v1.0.20181125  GCC6.3.0",
    "EchoTime": 0.02762,
    "ImageComments": "piop",
    "ImageOrientationPatientDICOM": [
      0.997443,
      0.0222286,
      0.0679205,
      -0.00835636,
      0.980154,
      -0.198062
    ],
    "Manufacturer": "Philips",
    "NumberOfVolumesDiscardedByScanner": 2,
    "ParallelAcquisitionTechnique": "SENSE",
    "ParallelReductionFactorInPlane": 2,
    "PatientPosition": "HFS",
    "PhaseEncodingDirection": "j",
    "PhilipsRescaleIntercept": 0,
    "PhilipsRescaleSlope": 0.76777,
    "PhilipsScaleSlope": 0.0588988,
    "ProtocolName": "WIPpiopgstroopSENSE",
    "PulseSequenceType": "gradient echo EPI",
    "ReconMatrixPE": 80,
    "RepetitionTime": 2,
    "SeriesDescription": "ImageMRSERIES",
    "SeriesNumber": 3,
    "SliceEncodingDirection": "k",
    "TaskName": "gstroop",
    "UsePhilipsFloatNotDisplayScaling": 1,
    "acq_id": "seq",
    "dataset": "ds002785",
    "modality": "bold",
    "subject_id": "0202",
    "task_id": "gstroop"
  },
  "dummy_trs": 0,
  "dvars_nstd": 23.7076891365574,
  "dvars_std": 1.2061946097540985,
  "dvars_vstd": 0.9625348384836069,
  "efc": 0.4409247752597318,
  "fber": 152224.8125,
  "fd_mean": 0.13931899719556237,
  "fd_num": 35,
  "fd_perc": 14.285714285714286,
  "fwhm_avg": 1.8573666752322355,
  "fwhm_x": 1.8242033333333334,
  "fwhm_y": 1.96953,
  "fwhm_z": 1.7783666923633734,
  "gcor": 0.0298173,
  "gsr_x": -0.018229881301522255,
  "gsr_y": 0.019914662465453148,
  "provenance": {
    "md5sum": "b7e7d27fa285cc2e5014f7ae7c365a68",
    "settings": {
      "fd_thres": 0.2,
      "testing": false
    },
    "software": "mriqc",
    "version": "23.0.1",
    "webapi_port": null,
    "webapi_url": "https://mriqc.nimh.nih.gov/api/v1"
  },
  "size_t": 245,
  "size_x": 80,
  "size_y": 80,
  "size_z": 37,
  "snr": 5.213879891378926,
  "spacing_tr": 2.0,
  "spacing_x": 3.0,
  "spacing_y": 3.0,
  "spacing_z": 3.299999952316284,
  "summary_bg_k": 83.0424231350868,
  "summary_bg_mad": 64.4311961280239,
  "summary_bg_mean": 607.8547973632812,
  "summary_bg_median": 62.61111831665039,
  "summary_bg_n": 155913.0,
  "summary_bg_p05": 5.192304706573486,
  "summary_bg_p95": 3529.3107421874984,
  "summary_bg_stdv": 1940.9744873046875,
  "summary_fg_k": 1.6831647863268016,
  "summary_fg_mad": 4558.322778505821,
  "summary_fg_mean": 25768.005859375,
  "summary_fg_median": 25193.92578125,
  "summary_fg_n": 38974.0,
  "summary_fg_p05": 18959.39130859375,
  "summary_fg_p95": 33924.0630859375,
  "summary_fg_stdv": 4832.02587890625,
  "tsnr": 66.89414978027344
}