{
  "aor": 0.00026333333333333336,
  "aqi": 0.007415578484848485,
  "bids_meta": {
    "AcquisitionNumber": 2,
    "BidsifyVersion": "0.3.5",
    "ConversionSoftware": "dcm2niix",
    "ConversionSoftwareVersion": "v1.0.20181125  GCC6.3.0",
    "EchoTime": 0.02762,
    "EffectiveEchoSpacing": 0.0006333282667071997,
    "ImageComments": "Piop",
    "ImageOrientationPatientDICOM": [
      0.996119,
      0.0342455,
      0.081078,
      -0.0219093,
      0.988682,
      -0.14842
    ],
    "Manufacturer": "Philips",
    "NumberOfVolumesDiscardedByScanner": 2,
    "ParallelAcquisitionTechnique": "SENSE",
    "ParallelReductionFactorInPlane": 2,
    "PatientPosition": "HFS",
    "PhaseEncodingDirection": "j",
    "PhilipsRescaleIntercept": 0,
    "PhilipsRescaleSlope": 0.84103,
    "PhilipsScaleSlope": 0.0824943,
    "ProtocolName": "WIPpiopfacesSENSE",
    "PulseSequenceType": "gradient echo EPI",
    "ReconMatrixPE": 80,
    "RepetitionTime": 0.75,
    "SeriesDescription": "ImageMRSERIES",
    "SeriesNumber": 2,
    "SliceEncodingDirection": "k",
    "SliceTiming": [
      0.0,
      0.06755050505050506,
      0.1351010101010101,
      0.20265151515151517,
      0.2702020202020202,
      0.3377525252525253,
      0.40530303030303033,
      0.47285353535353536,
      0.5404040404040404,
      0.6079545454545455,
      0.6755050505050506,
      0.7430555555555556,
      0.0,
      0.06755050505050506,
      0.1351010101010101,
      0.20265151515151517,
      0.2702020202020202,
      0.3377525252525253,
      0.40530303030303033,
      0.47285353535353536,
      0.5404040404040404,
      0.6079545454545455,
      0.6755050505050506,
      0.7430555555555556,
      0.0,
      0.06755050505050506,
      0.1351010101010101,
      0.20265151515151517,
      0.2702020202020202,
      0.3377525252525253,
      0.40530303030303033,
      0.47285353535353536,
      0.5404040404040404,
      0.6079545454545455,
      0.6755050505050506,
      0.7430555555555556
    ],
    "TaskName": "faces",
    "TotalReadoutTime": 0.024699802401580786,
    "UsePhilipsFloatNotDisplayScaling": 1,
    "acq_id": "mb3",
    "dataset": "ds002785",
    "modality": "bold",
    "subject_id": "0082",
    "task_id": "faces"
  },
  "dummy_trs": 0,
  "dvars_nstd": 27.35969703492401,
  "dvars_std": 1.262823543677812,
  "dvars_vstd": 0.9874463551063826,
  "efc": 0.4512322032995689,
  "fber": 156136.96875,
  "fd_mean": 0.09373324944190352,
  "fd_num": 5,
  "fd_perc": 1.5151515151515151,
  "fwhm_avg": 1.9649201524371465,
  "fwhm_x": 1.9437233333333335,
  "fwhm_y": 2.1715066666666667,
  "fwhm_z": 1.7795304573114386,
  "gcor": 0.01311,
  "gsr_x": -0.013596254400908947,
  "gsr_y": 0.013231104239821434,
  "provenance": {
    "md5sum": "f5b18791c53d5a59175d639e65319089",
    "settings": {
      "fd_thres": 0.2,
      "testing": false
    },
    "software": "mriqc",
    "version": "22.0.0rc1",
    "webapi_port": null,
    "webapi_url": "https://mriqc.nimh.nih.gov/api/v1"
  },
  "size_t": 330,
  "size_x": 80,
  "size_y": 80,
  "size_z": 36,
  "snr": 6.63498115343732,
  "spacing_tr": 0.75,
  "spacing_x": 3.0,
  "spacing_y": 3.0,
  "spacing_z": 3.299999713897705,
  "summary_bg_k": 29.26926821314577,
  "summary_bg_mad": 56.34715290536839,
  "summary_bg_mean": 551.4815063476562,
  "summary_bg_median": 48.086212158203125,
  "summary_bg_n": 152318.0,
  "summary_bg_p05": 3.0972028851509097,
  "summary_bg_p95": 2928.1135620117125,
  "summary_bg_stdv": 1472.763916015625,
  "summary_fg_k": 1.1153808236510514,
  "summary_fg_mad": 2692.8399849248763,
  "summary_fg_mean": 19347.2890625,
  "summary_fg_median": 19225.71484375,
  "summary_fg_n": 37084.0,
  "summary_fg_p05": 14819.7880859375,
  "summary_fg_p95": 24142.72568359375,
  "summary_fg_stdv": 2897.590087890625,
  "tsnr": 63.53706359863281
}