{
  "aor": 0.0015149629629629627,
  "aqi": 0.003832685259259259,
  "bids_meta": {
    "AcquisitionNumber": 5,
    "BidsifyVersion": "0.3.5",
    "ConversionSoftware": "dcm2niix",
    "ConversionSoftwareVersion": "v1.0.20181125  GCC6.3.0",
    "EchoTime": 0.02762,
    "EffectiveEchoSpacing": 0.0006621159151938905,
    "ImageComments": "Piop",
    "ImageOrientationPatientDICOM": [
      0.996119,
      0.0342455,
      0.081078,
      -0.0219093,
      0.988682,
      -0.14842
    ],
    "Manufacturer": "Philips",
    "NumberOfVolumesDiscardedByScanner": 2,
    "ParallelAcquisitionTechnique": "SENSE",
    "ParallelReductionFactorInPlane": 2,
    "PatientPosition": "HFS",
    "PhaseEncodingDirection": "j",
    "PhilipsRescaleIntercept": 0,
    "PhilipsRescaleSlope": 0.84664,
    "PhilipsScaleSlope": 0.0494287,
    "ProtocolName": "WIPpiopharririSENSE",
    "PulseSequenceType": "gradient echo EPI",
    "ReconMatrixPE": 80,
    "RepetitionTime": 2,
    "SeriesDescription": "ImageMRSERIES",
    "SeriesNumber": 5,
    "SliceEncodingDirection": "k",
    "SliceTiming": [
      0.0,
      0.0541,
      0.1081,
      0.1622,
      0.2162,
      0.2703,
      0.3243,
      0.3784,
      0.4324,
      0.4865,
      0.5405,
      0.5946,
      0.6486,
      0.7027,
      0.7568,
      0.8108,
      0.8649,
      0.9189,
      0.973,
      1.027,
      1.0811,
      1.1351,
      1.1892,
      1.2432,
      1.2973,
      1.3514,
      1.4054,
      1.4595,
      1.5135,
      1.5676,
      1.6216,
      1.6757,
      1.7297,
      1.7838,
      1.8378,
      1.8919,
      1.9459
    ],
    "TaskName": "emomatching",
    "TotalReadoutTime": 0.025822520692561732,
    "UsePhilipsFloatNotDisplayScaling": 1,
    "acq_id": "seq",
    "dataset": "ds002785",
    "modality": "bold",
    "subject_id": "0082",
    "task_id": "emomatching"
  },
  "dummy_trs": 0,
  "dvars_nstd": 26.7139976561194,
  "dvars_std": 1.380793312835822,
  "dvars_vstd": 1.0137305439552242,
  "efc": 0.442263593224624,
  "fber": 158109.28125,
  "fd_mean": 0.14013800883335684,
  "fd_num": 20,
  "fd_perc": 14.814814814814815,
  "fwhm_avg": 1.7817609171782252,
  "fwhm_x": 1.7132566666666669,
  "fwhm_y": 1.9529533333333333,
  "fwhm_z": 1.679072751534675,
  "gcor": 0.017021,
  "gsr_x": -0.011971120722591877,
  "gsr_y": 0.01638093777000904,
  "provenance": {
    "md5sum": "2b43024073d164b44add5aa7d1385ab5",
    "settings": {
      "fd_thres": 0.2,
      "testing": false
    },
    "software": "mriqc",
    "version": "22.0.0rc1",
    "webapi_port": null,
    "webapi_url": "https://mriqc.nimh.nih.gov/api/v1"
  },
  "size_t": 135,
  "size_x": 80,
  "size_y": 80,
  "size_z": 37,
  "snr": 5.0784205954457144,
  "spacing_tr": 2.0,
  "spacing_x": 3.0,
  "spacing_y": 3.0,
  "spacing_z": 3.299999952316284,
  "summary_bg_k": 34.76494810595955,
  "summary_bg_mad": 69.95278144451385,
  "summary_bg_mean": 746.358642578125,
  "summary_bg_median": 64.81111145019531,
  "summary_bg_n": 157386.0,
  "summary_bg_p05": 5.069949269294739,
  "summary_bg_p95": 4163.33154296875,
  "summary_bg_stdv": 2099.31787109375,
  "summary_fg_k": 2.014959436387919,
  "summary_fg_mad": 4691.723677535558,
  "summary_fg_mean": 26954.388671875,
  "summary_fg_median": 26333.5390625,
  "summary_fg_n": 37759.0,
  "summary_fg_p05": 19772.043359375,
  "summary_fg_p95": 35695.441796875,
  "summary_fg_stdv": 5185.31103515625,
  "tsnr": 81.03401947021484
}