{
  "aor": 0.0005822499999999999,
  "aqi": 0.0036112289000000005,
  "bids_meta": {
    "AcquisitionNumber": 9,
    "BidsifyVersion": "0.3.5",
    "ConversionSoftware": "dcm2niix",
    "ConversionSoftwareVersion": "v1.0.20181125  GCC6.3.0",
    "EchoTime": 0.02762,
    "EffectiveEchoSpacing": 0.0006621159151938905,
    "ImageComments": "Piop",
    "ImageOrientationPatientDICOM": [
      0.996119,
      0.0342455,
      0.081078,
      -0.0219093,
      0.988682,
      -0.14842
    ],
    "Manufacturer": "Philips",
    "NumberOfVolumesDiscardedByScanner": 2,
    "ParallelAcquisitionTechnique": "SENSE",
    "ParallelReductionFactorInPlane": 2,
    "PatientPosition": "HFS",
    "PhaseEncodingDirection": "j",
    "PhilipsRescaleIntercept": 0,
    "PhilipsRescaleSlope": 0.84664,
    "PhilipsScaleSlope": 0.0514134,
    "ProtocolName": "WIPpiopanticipatieSENSE",
    "PulseSequenceType": "gradient echo EPI",
    "ReconMatrixPE": 80,
    "RepetitionTime": 2,
    "SeriesDescription": "ImageMRSERIES",
    "SeriesNumber": 9,
    "SliceEncodingDirection": "k",
    "SliceTiming": [
      0.0,
      0.0541,
      0.1081,
      0.1622,
      0.2162,
      0.2703,
      0.3243,
      0.3784,
      0.4324,
      0.4865,
      0.5405,
      0.5946,
      0.6486,
      0.7027,
      0.7568,
      0.8108,
      0.8649,
      0.9189,
      0.973,
      1.027,
      1.0811,
      1.1351,
      1.1892,
      1.2432,
      1.2973,
      1.3514,
      1.4054,
      1.4595,
      1.5135,
      1.5676,
      1.6216,
      1.6757,
      1.7297,
      1.7838,
      1.8378,
      1.8919,
      1.9459
    ],
    "TaskName": "anticipation",
    "TotalReadoutTime": 0.025822520692561732,
    "UsePhilipsFloatNotDisplayScaling": 1,
    "acq_id": "seq",
    "dataset": "ds002785",
    "modality": "bold",
    "subject_id": "0082",
    "task_id": "anticipation"
  },
  "dummy_trs": 0,
  "dvars_nstd": 24.971839310904524,
  "dvars_std": 1.3099236827135674,
  "dvars_vstd": 0.990647041407035,
  "efc": 0.44270108178287587,
  "fber": 154423.140625,
  "fd_mean": 0.1411518158608587,
  "fd_num": 29,
  "fd_perc": 14.5,
  "fwhm_avg": 1.7748585938967878,
  "fwhm_x": 1.7080166666666667,
  "fwhm_y": 1.9476833333333332,
  "fwhm_z": 1.6688757816903632,
  "gcor": 0.0183017,
  "gsr_x": -0.01168789155781269,
  "gsr_y": 0.01664402335882187,
  "provenance": {
    "md5sum": "8c9844b69e30a470989348e854e6541e",
    "settings": {
      "fd_thres": 0.2,
      "testing": false
    },
    "software": "mriqc",
    "version": "22.0.0rc1",
    "webapi_port": null,
    "webapi_url": "https://mriqc.nimh.nih.gov/api/v1"
  },
  "size_t": 200,
  "size_x": 80,
  "size_y": 80,
  "size_z": 37,
  "snr": 5.085843264625253,
  "spacing_tr": 2.0,
  "spacing_x": 3.0,
  "spacing_y": 3.0,
  "spacing_z": 3.299999952316284,
  "summary_bg_k": 33.10606840862959,
  "summary_bg_mad": 69.28118374652345,
  "summary_bg_mean": 742.9364624023438,
  "summary_bg_median": 63.52003860473633,
  "summary_bg_n": 157476.0,
  "summary_bg_p05": 4.765239596366882,
  "summary_bg_p95": 4183.75341796875,
  "summary_bg_stdv": 2065.47021484375,
  "summary_fg_k": 2.0514203197231895,
  "summary_fg_mad": 4539.5933426673555,
  "summary_fg_mean": 26150.435546875,
  "summary_fg_median": 25523.412109375,
  "summary_fg_n": 37686.0,
  "summary_fg_p05": 19273.4140625,
  "summary_fg_p95": 34541.2216796875,
  "summary_fg_stdv": 5018.45458984375,
  "tsnr": 84.57688903808594
}