{
  "aor": 0.0005744351464435147,
  "aqi": 0.013022023577405856,
  "bids_meta": {
    "AcquisitionNumber": 6,
    "BidsifyVersion": "0.3.5",
    "ConversionSoftware": "dcm2niix",
    "ConversionSoftwareVersion": "v1.0.20181125  GCC6.3.0",
    "EchoTime": 0.02762,
    "EffectiveEchoSpacing": 0.0006333282667071997,
    "ImageComments": "Piop",
    "ImageOrientationPatientDICOM": [
      0.996119,
      0.0342455,
      0.081078,
      -0.0219093,
      0.988682,
      -0.14842
    ],
    "Manufacturer": "Philips",
    "NumberOfVolumesDiscardedByScanner": 2,
    "ParallelAcquisitionTechnique": "SENSE",
    "ParallelReductionFactorInPlane": 2,
    "PatientPosition": "HFS",
    "PhaseEncodingDirection": "j",
    "PhilipsRescaleIntercept": 0,
    "PhilipsRescaleSlope": 0.79292,
    "PhilipsScaleSlope": 0.0805251,
    "ProtocolName": "WIPpioprsSENSE",
    "PulseSequenceType": "gradient echo EPI",
    "ReconMatrixPE": 80,
    "RepetitionTime": 0.75,
    "SeriesDescription": "ImageMRSERIES",
    "SeriesNumber": 6,
    "SliceEncodingDirection": "k",
    "SliceTiming": [
      0.0,
      0.06755050505050506,
      0.1351010101010101,
      0.20265151515151517,
      0.2702020202020202,
      0.3377525252525253,
      0.40530303030303033,
      0.47285353535353536,
      0.5404040404040404,
      0.6079545454545455,
      0.6755050505050506,
      0.7430555555555556,
      0.0,
      0.06755050505050506,
      0.1351010101010101,
      0.20265151515151517,
      0.2702020202020202,
      0.3377525252525253,
      0.40530303030303033,
      0.47285353535353536,
      0.5404040404040404,
      0.6079545454545455,
      0.6755050505050506,
      0.7430555555555556,
      0.0,
      0.06755050505050506,
      0.1351010101010101,
      0.20265151515151517,
      0.2702020202020202,
      0.3377525252525253,
      0.40530303030303033,
      0.47285353535353536,
      0.5404040404040404,
      0.6079545454545455,
      0.6755050505050506,
      0.7430555555555556
    ],
    "TaskName": "restingstate",
    "TotalReadoutTime": 0.024699802401580786,
    "UsePhilipsFloatNotDisplayScaling": 1,
    "acq_id": "mb3",
    "dataset": "ds002785",
    "modality": "bold",
    "subject_id": "0082",
    "task_id": "restingstate"
  },
  "dummy_trs": 2,
  "dvars_nstd": 31.347826655911938,
  "dvars_std": 1.212101251781971,
  "dvars_vstd": 0.9850071285744235,
  "efc": 0.4510500916387771,
  "fber": 150017.5625,
  "fd_mean": 0.11412132676241506,
  "fd_num": 34,
  "fd_perc": 7.112970711297071,
  "fwhm_avg": 1.7521810179200301,
  "fwhm_x": 1.7086633333333332,
  "fwhm_y": 1.92451,
  "fwhm_z": 1.6233697204267576,
  "gcor": 0.0114542,
  "gsr_x": -0.012486797757446766,
  "gsr_y": 0.014432373456656933,
  "provenance": {
    "md5sum": "6cdc490edecdefdf1bf73c1f7480258d",
    "settings": {
      "fd_thres": 0.2,
      "testing": false
    },
    "software": "mriqc",
    "version": "22.0.0rc1",
    "webapi_port": null,
    "webapi_url": "https://mriqc.nimh.nih.gov/api/v1"
  },
  "size_t": 478,
  "size_x": 80,
  "size_y": 80,
  "size_z": 36,
  "snr": 6.570987873067075,
  "spacing_tr": 0.75,
  "spacing_x": 3.0,
  "spacing_y": 3.0,
  "spacing_z": 3.299999952316284,
  "summary_bg_k": 29.25799868675695,
  "summary_bg_mad": 58.991500796322065,
  "summary_bg_mean": 548.1978759765625,
  "summary_bg_median": 46.67848205566406,
  "summary_bg_n": 152211.0,
  "summary_bg_p05": 2.3242138624191284,
  "summary_bg_p95": 2996.9351806640625,
  "summary_bg_stdv": 1465.22900390625,
  "summary_fg_k": 1.5264037820967404,
  "summary_fg_mad": 2556.666446004086,
  "summary_fg_mean": 18586.32421875,
  "summary_fg_median": 18456.544921875,
  "summary_fg_n": 37055.0,
  "summary_fg_p05": 14321.306640625,
  "summary_fg_p95": 23225.5455078125,
  "summary_fg_stdv": 2808.755126953125,
  "tsnr": 48.43621826171875
}