{
  "aor": 0.0006921224489795919,
  "aqi": 0.0036439209795918366,
  "bids_meta": {
    "AcquisitionNumber": 3,
    "BidsifyVersion": "0.3.5",
    "ConversionSoftware": "dcm2niix",
    "ConversionSoftwareVersion": "v1.0.20181125  GCC6.3.0",
    "EchoTime": 0.02762,
    "EffectiveEchoSpacing": 0.0006621159151938905,
    "ImageComments": "Piop",
    "ImageOrientationPatientDICOM": [
      0.996119,
      0.0342455,
      0.081078,
      -0.0219093,
      0.988682,
      -0.14842
    ],
    "Manufacturer": "Philips",
    "NumberOfVolumesDiscardedByScanner": 2,
    "ParallelAcquisitionTechnique": "SENSE",
    "ParallelReductionFactorInPlane": 2,
    "PatientPosition": "HFS",
    "PhaseEncodingDirection": "j",
    "PhilipsRescaleIntercept": 0,
    "PhilipsRescaleSlope": 0.8022,
    "PhilipsScaleSlope": 0.05141,
    "ProtocolName": "WIPpiopgstroopSENSE",
    "PulseSequenceType": "gradient echo EPI",
    "ReconMatrixPE": 80,
    "RepetitionTime": 2,
    "SeriesDescription": "ImageMRSERIES",
    "SeriesNumber": 3,
    "SliceEncodingDirection": "k",
    "SliceTiming": [
      0.0,
      0.0541,
      0.1081,
      0.1622,
      0.2162,
      0.2703,
      0.3243,
      0.3784,
      0.4324,
      0.4865,
      0.5405,
      0.5946,
      0.6486,
      0.7027,
      0.7568,
      0.8108,
      0.8649,
      0.9189,
      0.973,
      1.027,
      1.0811,
      1.1351,
      1.1892,
      1.2432,
      1.2973,
      1.3514,
      1.4054,
      1.4595,
      1.5135,
      1.5676,
      1.6216,
      1.6757,
      1.7297,
      1.7838,
      1.8378,
      1.8919,
      1.9459
    ],
    "TaskName": "gstroop",
    "TotalReadoutTime": 0.025822520692561732,
    "UsePhilipsFloatNotDisplayScaling": 1,
    "acq_id": "seq",
    "dataset": "ds002785",
    "modality": "bold",
    "subject_id": "0082",
    "task_id": "gstroop"
  },
  "dummy_trs": 0,
  "dvars_nstd": 21.19033242040985,
  "dvars_std": 1.2169009324590165,
  "dvars_vstd": 0.9888694824999998,
  "efc": 0.4428128560350397,
  "fber": 137742.4375,
  "fd_mean": 0.11983564705607781,
  "fd_num": 11,
  "fd_perc": 4.489795918367347,
  "fwhm_avg": 1.7342221290786648,
  "fwhm_x": 1.6546566666666667,
  "fwhm_y": 1.9147733333333334,
  "fwhm_z": 1.6332363872359938,
  "gcor": 0.0396312,
  "gsr_x": -0.011799469590187073,
  "gsr_y": 0.01565282791852951,
  "provenance": {
    "md5sum": "a799c3248c4446dcef254e065e7353f6",
    "settings": {
      "fd_thres": 0.2,
      "testing": false
    },
    "software": "mriqc",
    "version": "22.0.0rc1",
    "webapi_port": null,
    "webapi_url": "https://mriqc.nimh.nih.gov/api/v1"
  },
  "size_t": 245,
  "size_x": 80,
  "size_y": 80,
  "size_z": 37,
  "snr": 5.22552309122217,
  "spacing_tr": 2.0,
  "spacing_x": 3.0,
  "spacing_y": 3.0,
  "spacing_z": 3.299999952316284,
  "summary_bg_k": 37.42438187076703,
  "summary_bg_mad": 80.77957146882905,
  "summary_bg_mean": 753.1138305664062,
  "summary_bg_median": 70.1661148071289,
  "summary_bg_n": 157413.0,
  "summary_bg_p05": 4.783854866027832,
  "summary_bg_p95": 4120.487109374992,
  "summary_bg_stdv": 2144.771728515625,
  "summary_fg_k": 2.1561568443491703,
  "summary_fg_mad": 4608.695057591785,
  "summary_fg_mean": 27122.1171875,
  "summary_fg_median": 26465.7109375,
  "summary_fg_n": 37795.0,
  "summary_fg_p05": 20286.3740234375,
  "summary_fg_p95": 35629.85429687498,
  "summary_fg_stdv": 5064.6337890625,
  "tsnr": 81.88844299316406
}