{
  "aor": 0.0007626543209876543,
  "aqi": 0.0034354146913580246,
  "bids_meta": {
    "AcquisitionNumber": 8,
    "BidsifyVersion": "0.3.5",
    "ConversionSoftware": "dcm2niix",
    "ConversionSoftwareVersion": "v1.0.20181125  GCC6.3.0",
    "EchoTime": 0.02762,
    "EffectiveEchoSpacing": 0.0006621159151938905,
    "ImageComments": "Piop",
    "ImageOrientationPatientDICOM": [
      0.996119,
      0.0342455,
      0.081078,
      -0.0219093,
      0.988682,
      -0.14842
    ],
    "Manufacturer": "Philips",
    "NumberOfVolumesDiscardedByScanner": 2,
    "ParallelAcquisitionTechnique": "SENSE",
    "ParallelReductionFactorInPlane": 2,
    "PatientPosition": "HFS",
    "PhaseEncodingDirection": "j",
    "PhilipsRescaleIntercept": 0,
    "PhilipsRescaleSlope": 0.84567,
    "PhilipsScaleSlope": 0.0509202,
    "ProtocolName": "WIPpiopwmSENSE",
    "PulseSequenceType": "gradient echo EPI",
    "ReconMatrixPE": 80,
    "RepetitionTime": 2,
    "SeriesDescription": "ImageMRSERIES",
    "SeriesNumber": 8,
    "SliceEncodingDirection": "k",
    "SliceTiming": [
      0.0,
      0.0541,
      0.1081,
      0.1622,
      0.2162,
      0.2703,
      0.3243,
      0.3784,
      0.4324,
      0.4865,
      0.5405,
      0.5946,
      0.6486,
      0.7027,
      0.7568,
      0.8108,
      0.8649,
      0.9189,
      0.973,
      1.027,
      1.0811,
      1.1351,
      1.1892,
      1.2432,
      1.2973,
      1.3514,
      1.4054,
      1.4595,
      1.5135,
      1.5676,
      1.6216,
      1.6757,
      1.7297,
      1.7838,
      1.8378,
      1.8919,
      1.9459
    ],
    "TaskName": "workingmemory",
    "TotalReadoutTime": 0.025822520692561732,
    "UsePhilipsFloatNotDisplayScaling": 1,
    "acq_id": "seq",
    "dataset": "ds002785",
    "modality": "bold",
    "subject_id": "0082",
    "task_id": "workingmemory"
  },
  "dummy_trs": 0,
  "dvars_nstd": 25.755424855031052,
  "dvars_std": 1.3233352771428568,
  "dvars_vstd": 1.0082013390062114,
  "efc": 0.4420211116133827,
  "fber": 157350.0,
  "fd_mean": 0.12902090527671128,
  "fd_num": 7,
  "fd_perc": 4.320987654320987,
  "fwhm_avg": 1.7789797050525322,
  "fwhm_x": 1.71519,
  "fwhm_y": 1.9436066666666667,
  "fwhm_z": 1.6781424484909295,
  "gcor": 0.0143951,
  "gsr_x": -0.01160257589071989,
  "gsr_y": 0.017037365585565567,
  "provenance": {
    "md5sum": "dd280f4721cb6cc01f0a56c822ffdf6a",
    "settings": {
      "fd_thres": 0.2,
      "testing": false
    },
    "software": "mriqc",
    "version": "22.0.0rc1",
    "webapi_port": null,
    "webapi_url": "https://mriqc.nimh.nih.gov/api/v1"
  },
  "size_t": 162,
  "size_x": 80,
  "size_y": 80,
  "size_z": 37,
  "snr": 5.077114570696209,
  "spacing_tr": 2.0,
  "spacing_x": 3.0,
  "spacing_y": 3.0,
  "spacing_z": 3.299999952316284,
  "summary_bg_k": 33.32339175622922,
  "summary_bg_mad": 68.49018901699745,
  "summary_bg_mean": 745.9418334960938,
  "summary_bg_median": 63.89857482910156,
  "summary_bg_n": 157593.0,
  "summary_bg_p05": 5.323320293426514,
  "summary_bg_p95": 4202.788281249998,
  "summary_bg_stdv": 2077.074462890625,
  "summary_fg_k": 2.0193441039522,
  "summary_fg_mad": 4634.130951903023,
  "summary_fg_mean": 26437.80078125,
  "summary_fg_median": 25802.453125,
  "summary_fg_n": 37539.0,
  "summary_fg_p05": 19475.9740234375,
  "summary_fg_p95": 34934.20976562499,
  "summary_fg_stdv": 5082.0419921875,
  "tsnr": 85.77908325195312
}