{
  "aor": 0.006553514644351464,
  "aqi": 0.008059243221757323,
  "bids_meta": {
    "AcquisitionNumber": 3,
    "BidsifyVersion": "0.3.5",
    "ConversionSoftware": "dcm2niix",
    "ConversionSoftwareVersion": "v1.0.20181125  GCC6.3.0",
    "EchoTime": 0.02762,
    "EffectiveEchoSpacing": 0.0006621159151938905,
    "ImageComments": "Piop",
    "ImageOrientationPatientDICOM": [
      0.999287,
      -0.015136,
      0.0345895,
      0.024422,
      0.957789,
      -0.286434
    ],
    "Manufacturer": "Philips",
    "NumberOfVolumesDiscardedByScanner": 2,
    "ParallelAcquisitionTechnique": "SENSE",
    "ParallelReductionFactorInPlane": 2,
    "PatientPosition": "HFS",
    "PhaseEncodingDirection": "j",
    "PhilipsRescaleIntercept": 0,
    "PhilipsRescaleSlope": 0.82173,
    "PhilipsScaleSlope": 0.0526016,
    "ProtocolName": "WIPpiopgstroopSENSE",
    "PulseSequenceType": "gradient echo EPI",
    "ReconMatrixPE": 80,
    "RepetitionTime": 2,
    "SeriesDescription": "ImageMRSERIES",
    "SeriesNumber": 3,
    "SliceEncodingDirection": "k",
    "SliceTiming": [
      0.0,
      0.0541,
      0.1081,
      0.1622,
      0.2162,
      0.2703,
      0.3243,
      0.3784,
      0.4324,
      0.4865,
      0.5405,
      0.5946,
      0.6486,
      0.7027,
      0.7568,
      0.8108,
      0.8649,
      0.9189,
      0.973,
      1.027,
      1.0811,
      1.1351,
      1.1892,
      1.2432,
      1.2973,
      1.3514,
      1.4054,
      1.4595,
      1.5135,
      1.5676,
      1.6216,
      1.6757,
      1.7297,
      1.7838,
      1.8378,
      1.8919,
      1.9459
    ],
    "TaskName": "gstroop",
    "TotalReadoutTime": 0.025822520692561732,
    "UsePhilipsFloatNotDisplayScaling": 1,
    "acq_id": "seq",
    "dataset": "ds002785",
    "modality": "bold",
    "subject_id": "0054",
    "task_id": "gstroop"
  },
  "dummy_trs": 6,
  "dvars_nstd": 23.10171271563025,
  "dvars_std": 1.2965094117226894,
  "dvars_vstd": 1.021552147226891,
  "efc": 0.42327461945602995,
  "fber": 193809.328125,
  "fd_mean": 0.16218628618440667,
  "fd_num": 60,
  "fd_perc": 25.10460251046025,
  "fwhm_avg": 1.8440703115837866,
  "fwhm_x": 1.8222333333333334,
  "fwhm_y": 1.93412,
  "fwhm_z": 1.7758576014180272,
  "gcor": 0.00716021,
  "gsr_x": -0.011533224023878574,
  "gsr_y": 0.011787422001361847,
  "provenance": {
    "md5sum": "eb68165121297b91ea5213b95950be60",
    "settings": {
      "fd_thres": 0.2,
      "testing": false
    },
    "software": "mriqc",
    "version": "22.0.0rc1",
    "webapi_port": null,
    "webapi_url": "https://mriqc.nimh.nih.gov/api/v1"
  },
  "size_t": 239,
  "size_x": 80,
  "size_y": 80,
  "size_z": 37,
  "snr": 4.7253177078019215,
  "spacing_tr": 2.0,
  "spacing_x": 3.0,
  "spacing_y": 3.0,
  "spacing_z": 3.299999952316284,
  "summary_bg_k": 69.702544217843,
  "summary_bg_mad": 60.92667183263533,
  "summary_bg_mean": 630.8031005859375,
  "summary_bg_median": 56.166786193847656,
  "summary_bg_n": 160978.0,
  "summary_bg_p05": 3.683135306835175,
  "summary_bg_p95": 3802.1624511718733,
  "summary_bg_stdv": 1811.1737060546875,
  "summary_fg_k": 1.8651509651128073,
  "summary_fg_mad": 4775.48201575875,
  "summary_fg_mean": 25902.673828125,
  "summary_fg_median": 25147.6015625,
  "summary_fg_n": 34873.0,
  "summary_fg_p05": 18673.741796875,
  "summary_fg_p95": 35363.56953125001,
  "summary_fg_stdv": 5321.8095703125,
  "tsnr": 65.04624938964844
}