{
  "aor": 0.0032334074074074075,
  "aqi": 0.003486737333333333,
  "bids_meta": {
    "AcquisitionNumber": 5,
    "BidsifyVersion": "0.3.5",
    "ConversionSoftware": "dcm2niix",
    "ConversionSoftwareVersion": "v1.0.20181125  GCC6.3.0",
    "EchoTime": 0.02762,
    "EffectiveEchoSpacing": 0.0006621159151938905,
    "ImageComments": "Piop",
    "ImageOrientationPatientDICOM": [
      0.999287,
      -0.015136,
      0.0345895,
      0.024422,
      0.957789,
      -0.286434
    ],
    "Manufacturer": "Philips",
    "NumberOfVolumesDiscardedByScanner": 2,
    "ParallelAcquisitionTechnique": "SENSE",
    "ParallelReductionFactorInPlane": 2,
    "PatientPosition": "HFS",
    "PhaseEncodingDirection": "j",
    "PhilipsRescaleIntercept": 0,
    "PhilipsRescaleSlope": 0.82515,
    "PhilipsScaleSlope": 0.0550702,
    "ProtocolName": "WIPpiopharririSENSE",
    "PulseSequenceType": "gradient echo EPI",
    "ReconMatrixPE": 80,
    "RepetitionTime": 2,
    "SeriesDescription": "ImageMRSERIES",
    "SeriesNumber": 5,
    "SliceEncodingDirection": "k",
    "SliceTiming": [
      0.0,
      0.0541,
      0.1081,
      0.1622,
      0.2162,
      0.2703,
      0.3243,
      0.3784,
      0.4324,
      0.4865,
      0.5405,
      0.5946,
      0.6486,
      0.7027,
      0.7568,
      0.8108,
      0.8649,
      0.9189,
      0.973,
      1.027,
      1.0811,
      1.1351,
      1.1892,
      1.2432,
      1.2973,
      1.3514,
      1.4054,
      1.4595,
      1.5135,
      1.5676,
      1.6216,
      1.6757,
      1.7297,
      1.7838,
      1.8378,
      1.8919,
      1.9459
    ],
    "TaskName": "emomatching",
    "TotalReadoutTime": 0.025822520692561732,
    "UsePhilipsFloatNotDisplayScaling": 1,
    "acq_id": "seq",
    "dataset": "ds002785",
    "modality": "bold",
    "subject_id": "0054",
    "task_id": "emomatching"
  },
  "dummy_trs": 0,
  "dvars_nstd": 24.824596106119415,
  "dvars_std": 1.3999949470895514,
  "dvars_vstd": 1.0261992993283577,
  "efc": 0.4234728292198418,
  "fber": 204883.265625,
  "fd_mean": 0.1587698997305885,
  "fd_num": 26,
  "fd_perc": 19.25925925925926,
  "fwhm_avg": 1.8575192006004742,
  "fwhm_x": 1.8368533333333332,
  "fwhm_y": 1.9333133333333334,
  "fwhm_z": 1.8023909351347567,
  "gcor": 0.0161713,
  "gsr_x": -0.011692313477396965,
  "gsr_y": 0.011566482484340668,
  "provenance": {
    "md5sum": "734d5976a49e2cbcc5d7474267ef8466",
    "settings": {
      "fd_thres": 0.2,
      "testing": false
    },
    "software": "mriqc",
    "version": "22.0.0rc1",
    "webapi_port": null,
    "webapi_url": "https://mriqc.nimh.nih.gov/api/v1"
  },
  "size_t": 135,
  "size_x": 80,
  "size_y": 80,
  "size_z": 37,
  "snr": 4.780927525620965,
  "spacing_tr": 2.0,
  "spacing_x": 3.0,
  "spacing_y": 3.0,
  "spacing_z": 3.299999952316284,
  "summary_bg_k": 59.29863596330726,
  "summary_bg_mad": 58.270151507352516,
  "summary_bg_mean": 633.5444946289062,
  "summary_bg_median": 54.45130920410156,
  "summary_bg_n": 161019.0,
  "summary_bg_p05": 3.5848607540130617,
  "summary_bg_p95": 3898.6246093750015,
  "summary_bg_stdv": 1797.920654296875,
  "summary_fg_k": 1.4800584146422482,
  "summary_fg_mad": 4810.628665030453,
  "summary_fg_mean": 25811.408203125,
  "summary_fg_median": 25120.703125,
  "summary_fg_n": 34832.0,
  "summary_fg_p05": 18556.26279296875,
  "summary_fg_p95": 35101.687890625,
  "summary_fg_stdv": 5254.2822265625,
  "tsnr": 82.78557586669922
}