{
  "aor": 0.0005089999999999999,
  "aqi": 0.0071121023636363636,
  "bids_meta": {
    "AcquisitionNumber": 2,
    "BidsifyVersion": "0.3.5",
    "ConversionSoftware": "dcm2niix",
    "ConversionSoftwareVersion": "v1.0.20181125  GCC6.3.0",
    "EchoTime": 0.02762,
    "EffectiveEchoSpacing": 0.0006333282667071997,
    "ImageComments": "Piop",
    "ImageOrientationPatientDICOM": [
      0.999028,
      0.0282389,
      -0.0338608,
      -0.0296504,
      0.99868,
      -0.0419358
    ],
    "Manufacturer": "Philips",
    "NumberOfVolumesDiscardedByScanner": 2,
    "ParallelAcquisitionTechnique": "SENSE",
    "ParallelReductionFactorInPlane": 2,
    "PatientPosition": "HFS",
    "PhaseEncodingDirection": "j",
    "PhilipsRescaleIntercept": 0,
    "PhilipsRescaleSlope": 0.79121,
    "PhilipsScaleSlope": 0.083655,
    "ProtocolName": "WIPpiopfacesSENSE",
    "PulseSequenceType": "gradient echo EPI",
    "ReconMatrixPE": 80,
    "RepetitionTime": 0.75,
    "SeriesDescription": "ImageMRSERIES",
    "SeriesNumber": 2,
    "SliceEncodingDirection": "k",
    "SliceTiming": [
      0.0,
      0.06755050505050506,
      0.1351010101010101,
      0.20265151515151517,
      0.2702020202020202,
      0.3377525252525253,
      0.40530303030303033,
      0.47285353535353536,
      0.5404040404040404,
      0.6079545454545455,
      0.6755050505050506,
      0.7430555555555556,
      0.0,
      0.06755050505050506,
      0.1351010101010101,
      0.20265151515151517,
      0.2702020202020202,
      0.3377525252525253,
      0.40530303030303033,
      0.47285353535353536,
      0.5404040404040404,
      0.6079545454545455,
      0.6755050505050506,
      0.7430555555555556,
      0.0,
      0.06755050505050506,
      0.1351010101010101,
      0.20265151515151517,
      0.2702020202020202,
      0.3377525252525253,
      0.40530303030303033,
      0.47285353535353536,
      0.5404040404040404,
      0.6079545454545455,
      0.6755050505050506,
      0.7430555555555556
    ],
    "TaskName": "faces",
    "TotalReadoutTime": 0.024699802401580786,
    "UsePhilipsFloatNotDisplayScaling": 1,
    "acq_id": "mb3",
    "dataset": "ds002785",
    "modality": "bold",
    "subject_id": "0137",
    "task_id": "faces"
  },
  "dummy_trs": 0,
  "dvars_nstd": 24.901825658358657,
  "dvars_std": 1.152441991945289,
  "dvars_vstd": 1.008112787902735,
  "efc": 0.45239428248133745,
  "fber": 141992.90625,
  "fd_mean": 0.1432185899634902,
  "fd_num": 56,
  "fd_perc": 16.96969696969697,
  "fwhm_avg": 2.062519650110349,
  "fwhm_x": 2.0579366666666665,
  "fwhm_y": 2.2558433333333334,
  "fwhm_z": 1.8737789503310478,
  "gcor": 0.0384014,
  "gsr_x": -0.012757335789501667,
  "gsr_y": 0.013214299455285072,
  "provenance": {
    "md5sum": "22e5b57268d48ff16ddecabf1d789715",
    "settings": {
      "fd_thres": 0.2,
      "testing": false
    },
    "software": "mriqc",
    "version": "22.0.0rc1",
    "webapi_port": null,
    "webapi_url": "https://mriqc.nimh.nih.gov/api/v1"
  },
  "size_t": 330,
  "size_x": 80,
  "size_y": 80,
  "size_z": 36,
  "snr": 6.636927550658955,
  "spacing_tr": 0.75,
  "spacing_x": 3.0,
  "spacing_y": 3.0,
  "spacing_z": 3.299999713897705,
  "summary_bg_k": 36.281457658329956,
  "summary_bg_mad": 64.54909723256216,
  "summary_bg_mean": 565.3132934570312,
  "summary_bg_median": 54.29185485839844,
  "summary_bg_n": 152729.0,
  "summary_bg_p05": 4.4299774169921875,
  "summary_bg_p95": 2820.091503906251,
  "summary_bg_stdv": 1343.191162109375,
  "summary_fg_k": 0.9200781355630059,
  "summary_fg_mad": 2957.053020516881,
  "summary_fg_mean": 20625.05859375,
  "summary_fg_median": 20558.1484375,
  "summary_fg_n": 37369.0,
  "summary_fg_p05": 15717.45859375,
  "summary_fg_p95": 25670.680078125,
  "summary_fg_stdv": 3097.49853515625,
  "tsnr": 61.03752899169922
}