{
  "aor": 0.0004089539748953975,
  "aqi": 0.015803694979079498,
  "bids_meta": {
    "AcquisitionNumber": 6,
    "BidsifyVersion": "0.3.5",
    "ConversionSoftware": "dcm2niix",
    "ConversionSoftwareVersion": "v1.0.20181125  GCC6.3.0",
    "EchoTime": 0.02762,
    "EffectiveEchoSpacing": 0.0006333282667071997,
    "ImageComments": "piop",
    "ImageOrientationPatientDICOM": [
      0.999124,
      0.0321479,
      -0.0267839,
      -0.0368108,
      0.979648,
      -0.197318
    ],
    "Manufacturer": "Philips",
    "NumberOfVolumesDiscardedByScanner": 2,
    "ParallelAcquisitionTechnique": "SENSE",
    "ParallelReductionFactorInPlane": 2,
    "PatientPosition": "HFS",
    "PhaseEncodingDirection": "j",
    "PhilipsRescaleIntercept": 0,
    "PhilipsRescaleSlope": 0.75702,
    "PhilipsScaleSlope": 0.0918022,
    "ProtocolName": "WIPpioprsSENSE",
    "PulseSequenceType": "gradient echo EPI",
    "ReconMatrixPE": 80,
    "RepetitionTime": 0.75,
    "SeriesDescription": "ImageMRSERIES",
    "SeriesNumber": 6,
    "SliceEncodingDirection": "k",
    "SliceTiming": [
      0.0,
      0.06755050505050506,
      0.1351010101010101,
      0.20265151515151517,
      0.2702020202020202,
      0.3377525252525253,
      0.40530303030303033,
      0.47285353535353536,
      0.5404040404040404,
      0.6079545454545455,
      0.6755050505050506,
      0.7430555555555556,
      0.0,
      0.06755050505050506,
      0.1351010101010101,
      0.20265151515151517,
      0.2702020202020202,
      0.3377525252525253,
      0.40530303030303033,
      0.47285353535353536,
      0.5404040404040404,
      0.6079545454545455,
      0.6755050505050506,
      0.7430555555555556,
      0.0,
      0.06755050505050506,
      0.1351010101010101,
      0.20265151515151517,
      0.2702020202020202,
      0.3377525252525253,
      0.40530303030303033,
      0.47285353535353536,
      0.5404040404040404,
      0.6079545454545455,
      0.6755050505050506,
      0.7430555555555556
    ],
    "TaskName": "restingstate",
    "TotalReadoutTime": 0.024699802401580786,
    "UsePhilipsFloatNotDisplayScaling": 1,
    "acq_id": "mb3",
    "dataset": "ds002785",
    "modality": "bold",
    "subject_id": "0018",
    "task_id": "restingstate"
  },
  "dummy_trs": 2,
  "dvars_nstd": 31.550082016876303,
  "dvars_std": 1.1460048293081753,
  "dvars_vstd": 0.9948674120125783,
  "efc": 0.42611966023575043,
  "fber": 190127.609375,
  "fd_mean": 0.10562738581898769,
  "fd_num": 32,
  "fd_perc": 6.694560669456067,
  "fwhm_avg": 1.754308896859776,
  "fwhm_x": 1.7078300000000002,
  "fwhm_y": 1.9001966666666668,
  "fwhm_z": 1.6549000239126614,
  "gcor": 0.0225296,
  "gsr_x": -0.020599864423274994,
  "gsr_y": 0.013869315385818481,
  "provenance": {
    "md5sum": "570e481dfc3dfce5f7f6ac155266f242",
    "settings": {
      "fd_thres": 0.2,
      "testing": false
    },
    "software": "mriqc",
    "version": "22.0.0rc1",
    "webapi_port": null,
    "webapi_url": "https://mriqc.nimh.nih.gov/api/v1"
  },
  "size_t": 478,
  "size_x": 80,
  "size_y": 80,
  "size_z": 36,
  "snr": 7.365196850557357,
  "spacing_tr": 0.75,
  "spacing_x": 3.0,
  "spacing_y": 3.0,
  "spacing_z": 3.299999952316284,
  "summary_bg_k": 55.79545567463229,
  "summary_bg_mad": 44.12612922720517,
  "summary_bg_mean": 364.31573486328125,
  "summary_bg_median": 38.14168930053711,
  "summary_bg_n": 156185.0,
  "summary_bg_p05": 2.2287877559661866,
  "summary_bg_p95": 1931.2645996093738,
  "summary_bg_stdv": 999.6925048828125,
  "summary_fg_k": 1.93765083757215,
  "summary_fg_mad": 2061.9029740195438,
  "summary_fg_mean": 16754.30078125,
  "summary_fg_median": 16757.8203125,
  "summary_fg_n": 34554.0,
  "summary_fg_p05": 13151.324365234375,
  "summary_fg_p95": 20390.55166015625,
  "summary_fg_stdv": 2275.23828125,
  "tsnr": 46.470802307128906
}