{
  "aor": 0.000368969696969697,
  "aqi": 0.011364356636363634,
  "bids_meta": {
    "AcquisitionNumber": 2,
    "BidsifyVersion": "0.3.5",
    "ConversionSoftware": "dcm2niix",
    "ConversionSoftwareVersion": "v1.0.20181125  GCC6.3.0",
    "EchoTime": 0.02762,
    "EffectiveEchoSpacing": 0.0006333282667071997,
    "ImageComments": "piop",
    "ImageOrientationPatientDICOM": [
      0.999124,
      0.0321479,
      -0.0267839,
      -0.0368108,
      0.979648,
      -0.197318
    ],
    "Manufacturer": "Philips",
    "NumberOfVolumesDiscardedByScanner": 2,
    "ParallelAcquisitionTechnique": "SENSE",
    "ParallelReductionFactorInPlane": 2,
    "PatientPosition": "HFS",
    "PhaseEncodingDirection": "j",
    "PhilipsRescaleIntercept": 0,
    "PhilipsRescaleSlope": 0.74261,
    "PhilipsScaleSlope": 0.0944771,
    "ProtocolName": "WIPpiopfacesSENSE",
    "PulseSequenceType": "gradient echo EPI",
    "ReconMatrixPE": 80,
    "RepetitionTime": 0.75,
    "SeriesDescription": "ImageMRSERIES",
    "SeriesNumber": 2,
    "SliceEncodingDirection": "k",
    "SliceTiming": [
      0.0,
      0.06755050505050506,
      0.1351010101010101,
      0.20265151515151517,
      0.2702020202020202,
      0.3377525252525253,
      0.40530303030303033,
      0.47285353535353536,
      0.5404040404040404,
      0.6079545454545455,
      0.6755050505050506,
      0.7430555555555556,
      0.0,
      0.06755050505050506,
      0.1351010101010101,
      0.20265151515151517,
      0.2702020202020202,
      0.3377525252525253,
      0.40530303030303033,
      0.47285353535353536,
      0.5404040404040404,
      0.6079545454545455,
      0.6755050505050506,
      0.7430555555555556,
      0.0,
      0.06755050505050506,
      0.1351010101010101,
      0.20265151515151517,
      0.2702020202020202,
      0.3377525252525253,
      0.40530303030303033,
      0.47285353535353536,
      0.5404040404040404,
      0.6079545454545455,
      0.6755050505050506,
      0.7430555555555556
    ],
    "TaskName": "faces",
    "TotalReadoutTime": 0.024699802401580786,
    "UsePhilipsFloatNotDisplayScaling": 1,
    "acq_id": "mb3",
    "dataset": "ds002785",
    "modality": "bold",
    "subject_id": "0018",
    "task_id": "faces"
  },
  "dummy_trs": 0,
  "dvars_nstd": 31.823152710273558,
  "dvars_std": 1.169225824072949,
  "dvars_vstd": 1.0063963573556234,
  "efc": 0.4238303094617562,
  "fber": 195971.796875,
  "fd_mean": 0.1129043450933492,
  "fd_num": 17,
  "fd_perc": 5.151515151515151,
  "fwhm_avg": 1.7824674827895297,
  "fwhm_x": 1.74512,
  "fwhm_y": 1.9326066666666666,
  "fwhm_z": 1.6696757817019228,
  "gcor": 0.0216671,
  "gsr_x": -0.019664021208882332,
  "gsr_y": 0.013073911890387535,
  "provenance": {
    "md5sum": "ab492c3ba7a6c40b90f879ec41836cf2",
    "settings": {
      "fd_thres": 0.2,
      "testing": false
    },
    "software": "mriqc",
    "version": "22.0.0rc1",
    "webapi_port": null,
    "webapi_url": "https://mriqc.nimh.nih.gov/api/v1"
  },
  "size_t": 330,
  "size_x": 80,
  "size_y": 80,
  "size_z": 36,
  "snr": 7.174154770620898,
  "spacing_tr": 0.75,
  "spacing_x": 3.0,
  "spacing_y": 3.0,
  "spacing_z": 3.299999952316284,
  "summary_bg_k": 52.80706101462463,
  "summary_bg_mad": 42.28477317406915,
  "summary_bg_mean": 351.82025146484375,
  "summary_bg_median": 38.111480712890625,
  "summary_bg_n": 156226.0,
  "summary_bg_p05": 1.9935725629329681,
  "summary_bg_p95": 1842.3590698242188,
  "summary_bg_stdv": 973.2089233398438,
  "summary_fg_k": 1.8273906077515578,
  "summary_fg_mad": 2190.139378797904,
  "summary_fg_mean": 17035.40234375,
  "summary_fg_median": 17029.169921875,
  "summary_fg_n": 34485.0,
  "summary_fg_p05": 13288.541015625,
  "summary_fg_p95": 20860.548046875,
  "summary_fg_stdv": 2373.648681640625,
  "tsnr": 51.57793045043945
}