{
  "aor": 0.002603755102040816,
  "aqi": 0.007030807591836735,
  "bids_meta": {
    "AcquisitionNumber": 3,
    "BidsifyVersion": "0.3.5",
    "ConversionSoftware": "dcm2niix",
    "ConversionSoftwareVersion": "v1.0.20181125  GCC6.3.0",
    "EchoTime": 0.02762,
    "EffectiveEchoSpacing": 0.0006621159151938905,
    "ImageComments": "piop",
    "ImageOrientationPatientDICOM": [
      0.999124,
      0.0321479,
      -0.0267839,
      -0.0368108,
      0.979648,
      -0.197318
    ],
    "Manufacturer": "Philips",
    "NumberOfVolumesDiscardedByScanner": 2,
    "ParallelAcquisitionTechnique": "SENSE",
    "ParallelReductionFactorInPlane": 2,
    "PatientPosition": "HFS",
    "PhaseEncodingDirection": "j",
    "PhilipsRescaleIntercept": 0,
    "PhilipsRescaleSlope": 0.77338,
    "PhilipsScaleSlope": 0.0635132,
    "ProtocolName": "WIPpiopgstroopSENSE",
    "PulseSequenceType": "gradient echo EPI",
    "ReconMatrixPE": 80,
    "RepetitionTime": 2,
    "SeriesDescription": "ImageMRSERIES",
    "SeriesNumber": 3,
    "SliceEncodingDirection": "k",
    "SliceTiming": [
      0.0,
      0.0541,
      0.1081,
      0.1622,
      0.2162,
      0.2703,
      0.3243,
      0.3784,
      0.4324,
      0.4865,
      0.5405,
      0.5946,
      0.6486,
      0.7027,
      0.7568,
      0.8108,
      0.8649,
      0.9189,
      0.973,
      1.027,
      1.0811,
      1.1351,
      1.1892,
      1.2432,
      1.2973,
      1.3514,
      1.4054,
      1.4595,
      1.5135,
      1.5676,
      1.6216,
      1.6757,
      1.7297,
      1.7838,
      1.8378,
      1.8919,
      1.9459
    ],
    "TaskName": "gstroop",
    "TotalReadoutTime": 0.025822520692561732,
    "UsePhilipsFloatNotDisplayScaling": 1,
    "acq_id": "seq",
    "dataset": "ds002785",
    "modality": "bold",
    "subject_id": "0018",
    "task_id": "gstroop"
  },
  "dummy_trs": 0,
  "dvars_nstd": 21.262462052950823,
  "dvars_std": 1.1998126494672137,
  "dvars_vstd": 0.9999725940983608,
  "efc": 0.4195401756077995,
  "fber": 156583.703125,
  "fd_mean": 0.1356737294122979,
  "fd_num": 34,
  "fd_perc": 13.877551020408163,
  "fwhm_avg": 1.7214743512803363,
  "fwhm_x": 1.6867,
  "fwhm_y": 1.8487533333333335,
  "fwhm_z": 1.6289697205076756,
  "gcor": 0.0310116,
  "gsr_x": -0.019547659903764725,
  "gsr_y": 0.01532544195652008,
  "provenance": {
    "md5sum": "9d3753075544be8f9495a02fb043e584",
    "settings": {
      "fd_thres": 0.2,
      "testing": false
    },
    "software": "mriqc",
    "version": "22.0.0rc1",
    "webapi_port": null,
    "webapi_url": "https://mriqc.nimh.nih.gov/api/v1"
  },
  "size_t": 245,
  "size_x": 80,
  "size_y": 80,
  "size_z": 37,
  "snr": 5.938464175278727,
  "spacing_tr": 2.0,
  "spacing_x": 3.0,
  "spacing_y": 3.0,
  "spacing_z": 3.299999952316284,
  "summary_bg_k": 82.45087503469512,
  "summary_bg_mad": 58.676268822661015,
  "summary_bg_mean": 464.8409729003906,
  "summary_bg_median": 54.17848205566406,
  "summary_bg_n": 161527.0,
  "summary_bg_p05": 4.380859756469727,
  "summary_bg_p95": 2421.270458984372,
  "summary_bg_stdv": 1335.411865234375,
  "summary_fg_k": 2.1388092789848416,
  "summary_fg_mad": 3408.1014448614433,
  "summary_fg_mean": 22039.37109375,
  "summary_fg_median": 21694.7578125,
  "summary_fg_n": 34988.0,
  "summary_fg_p05": 16882.641796875,
  "summary_fg_p95": 28010.721191406254,
  "summary_fg_stdv": 3653.20849609375,
  "tsnr": 70.73664093017578
}