{
  "aor": 0.0037349068322981376,
  "aqi": 0.0034170370807453418,
  "bids_meta": {
    "AcquisitionNumber": 8,
    "BidsifyVersion": "0.3.5",
    "ConversionSoftware": "dcm2niix",
    "ConversionSoftwareVersion": "v1.0.20181125  GCC6.3.0",
    "EchoTime": 0.02762,
    "EffectiveEchoSpacing": 0.0006621159151938905,
    "ImageComments": "piop",
    "ImageOrientationPatientDICOM": [
      0.999721,
      -0.0227842,
      0.006244,
      0.0235597,
      0.981062,
      -0.192257
    ],
    "Manufacturer": "Philips",
    "NumberOfVolumesDiscardedByScanner": 2,
    "ParallelAcquisitionTechnique": "SENSE",
    "ParallelReductionFactorInPlane": 2,
    "PatientPosition": "HFS",
    "PhaseEncodingDirection": "j",
    "PhilipsRescaleIntercept": 0,
    "PhilipsRescaleSlope": 0.78632,
    "PhilipsScaleSlope": 0.0534303,
    "ProtocolName": "WIPpiopwmSENSE",
    "PulseSequenceType": "gradient echo EPI",
    "ReconMatrixPE": 80,
    "RepetitionTime": 2,
    "SeriesDescription": "ImageMRSERIES",
    "SeriesNumber": 8,
    "SliceEncodingDirection": "k",
    "SliceTiming": [
      0.0,
      0.0541,
      0.1081,
      0.1622,
      0.2162,
      0.2703,
      0.3243,
      0.3784,
      0.4324,
      0.4865,
      0.5405,
      0.5946,
      0.6486,
      0.7027,
      0.7568,
      0.8108,
      0.8649,
      0.9189,
      0.973,
      1.027,
      1.0811,
      1.1351,
      1.1892,
      1.2432,
      1.2973,
      1.3514,
      1.4054,
      1.4595,
      1.5135,
      1.5676,
      1.6216,
      1.6757,
      1.7297,
      1.7838,
      1.8378,
      1.8919,
      1.9459
    ],
    "TaskName": "workingmemory",
    "TotalReadoutTime": 0.025822520692561732,
    "UsePhilipsFloatNotDisplayScaling": 1,
    "acq_id": "seq",
    "dataset": "ds002785",
    "modality": "bold",
    "subject_id": "0004",
    "task_id": "workingmemory"
  },
  "dummy_trs": 1,
  "dvars_nstd": 17.070598477187495,
  "dvars_std": 1.1696008105000002,
  "dvars_vstd": 1.033450883625,
  "efc": 0.41395057107593936,
  "fber": 187069.84375,
  "fd_mean": 0.1182467902571764,
  "fd_num": 8,
  "fd_perc": 4.968944099378882,
  "fwhm_avg": 1.7380714221076017,
  "fwhm_x": 1.6652466666666665,
  "fwhm_y": 1.8950433333333334,
  "fwhm_z": 1.6539242663228046,
  "gcor": 0.0164199,
  "gsr_x": -0.0267732422798872,
  "gsr_y": 0.013385138474404812,
  "provenance": {
    "md5sum": "f87a98e23bf72d6d9b44b82a9ed757ef",
    "settings": {
      "fd_thres": 0.2,
      "testing": false
    },
    "software": "mriqc",
    "version": "22.0.0rc1",
    "webapi_port": null,
    "webapi_url": "https://mriqc.nimh.nih.gov/api/v1"
  },
  "size_t": 161,
  "size_x": 80,
  "size_y": 80,
  "size_z": 37,
  "snr": 5.552372514964013,
  "spacing_tr": 2.0,
  "spacing_x": 3.0,
  "spacing_y": 3.0,
  "spacing_z": 3.299999952316284,
  "summary_bg_k": 62.67920372137469,
  "summary_bg_mad": 59.14113449972766,
  "summary_bg_mean": 572.0344848632812,
  "summary_bg_median": 60.49631881713867,
  "summary_bg_n": 161923.0,
  "summary_bg_p05": 5.169160079956055,
  "summary_bg_p95": 2556.7814941406245,
  "summary_bg_stdv": 1991.4949951171875,
  "summary_fg_k": 1.7818046124479014,
  "summary_fg_mad": 4557.441035584854,
  "summary_fg_mean": 27471.841796875,
  "summary_fg_median": 27040.029296875,
  "summary_fg_n": 33963.0,
  "summary_fg_p05": 20445.6697265625,
  "summary_fg_p95": 35564.135546875,
  "summary_fg_stdv": 4869.923828125,
  "tsnr": 87.95602416992188
}