{
  "aor": 0.0017946666666666666,
  "aqi": 0.0030121180740740735,
  "bids_meta": {
    "AcquisitionNumber": 5,
    "BidsifyVersion": "0.3.5",
    "ConversionSoftware": "dcm2niix",
    "ConversionSoftwareVersion": "v1.0.20181125  GCC6.3.0",
    "EchoTime": 0.02762,
    "EffectiveEchoSpacing": 0.0006621159151938905,
    "ImageComments": "piop",
    "ImageOrientationPatientDICOM": [
      0.999721,
      -0.0227842,
      0.006244,
      0.0235597,
      0.981062,
      -0.192257
    ],
    "Manufacturer": "Philips",
    "NumberOfVolumesDiscardedByScanner": 2,
    "ParallelAcquisitionTechnique": "SENSE",
    "ParallelReductionFactorInPlane": 2,
    "PatientPosition": "HFS",
    "PhaseEncodingDirection": "j",
    "PhilipsRescaleIntercept": 0,
    "PhilipsRescaleSlope": 0.77729,
    "PhilipsScaleSlope": 0.0543355,
    "ProtocolName": "WIPpiopharririSENSE",
    "PulseSequenceType": "gradient echo EPI",
    "ReconMatrixPE": 80,
    "RepetitionTime": 2,
    "SeriesDescription": "ImageMRSERIES",
    "SeriesNumber": 5,
    "SliceEncodingDirection": "k",
    "SliceTiming": [
      0.0,
      0.0541,
      0.1081,
      0.1622,
      0.2162,
      0.2703,
      0.3243,
      0.3784,
      0.4324,
      0.4865,
      0.5405,
      0.5946,
      0.6486,
      0.7027,
      0.7568,
      0.8108,
      0.8649,
      0.9189,
      0.973,
      1.027,
      1.0811,
      1.1351,
      1.1892,
      1.2432,
      1.2973,
      1.3514,
      1.4054,
      1.4595,
      1.5135,
      1.5676,
      1.6216,
      1.6757,
      1.7297,
      1.7838,
      1.8378,
      1.8919,
      1.9459
    ],
    "TaskName": "emomatching",
    "TotalReadoutTime": 0.025822520692561732,
    "UsePhilipsFloatNotDisplayScaling": 1,
    "acq_id": "seq",
    "dataset": "ds002785",
    "modality": "bold",
    "subject_id": "0004",
    "task_id": "emomatching"
  },
  "dummy_trs": 0,
  "dvars_nstd": 18.78054371880598,
  "dvars_std": 1.2267249302238807,
  "dvars_vstd": 1.0165789278358208,
  "efc": 0.4124089215609652,
  "fber": 180553.453125,
  "fd_mean": 0.14858550947458038,
  "fd_num": 32,
  "fd_perc": 23.703703703703702,
  "fwhm_avg": 1.752081119180095,
  "fwhm_x": 1.66685,
  "fwhm_y": 1.9141266666666665,
  "fwhm_z": 1.6752666908736185,
  "gcor": 0.0383976,
  "gsr_x": -0.026777593418955803,
  "gsr_y": 0.01274842955172062,
  "provenance": {
    "md5sum": "8785b0c1330219d741c95d42940d5a78",
    "settings": {
      "fd_thres": 0.2,
      "testing": false
    },
    "software": "mriqc",
    "version": "22.0.0rc1",
    "webapi_port": null,
    "webapi_url": "https://mriqc.nimh.nih.gov/api/v1"
  },
  "size_t": 135,
  "size_x": 80,
  "size_y": 80,
  "size_z": 37,
  "snr": 5.478159853435984,
  "spacing_tr": 2.0,
  "spacing_x": 3.0,
  "spacing_y": 3.0,
  "spacing_z": 3.299999952316284,
  "summary_bg_k": 62.91750877026577,
  "summary_bg_mad": 60.01315813697053,
  "summary_bg_mean": 568.0114135742188,
  "summary_bg_median": 61.74356460571289,
  "summary_bg_n": 162290.0,
  "summary_bg_p05": 5.431805896759033,
  "summary_bg_p95": 2465.91983642578,
  "summary_bg_stdv": 1991.1092529296875,
  "summary_fg_k": 1.7683576525850704,
  "summary_fg_mad": 4608.744284618572,
  "summary_fg_mean": 27439.728515625,
  "summary_fg_median": 27022.681640625,
  "summary_fg_n": 33697.0,
  "summary_fg_p05": 20308.32890625,
  "summary_fg_p95": 35671.32109375,
  "summary_fg_stdv": 4932.7294921875,
  "tsnr": 90.26569366455078
}