{
  "aor": 0.00041503144654088045,
  "aqi": 0.00640955855345912,
  "bids_meta": {
    "AcquisitionNumber": 6,
    "BidsifyVersion": "0.3.5",
    "ConversionSoftware": "dcm2niix",
    "ConversionSoftwareVersion": "v1.0.20181125  GCC6.3.0",
    "EchoTime": 0.02762,
    "EffectiveEchoSpacing": 0.0006333282667071997,
    "ImageComments": "piop",
    "ImageOrientationPatientDICOM": [
      0.99959,
      -0.0279865,
      0.00600882,
      0.0286195,
      0.980994,
      -0.191915
    ],
    "Manufacturer": "Philips",
    "NumberOfVolumesDiscardedByScanner": 2,
    "ParallelAcquisitionTechnique": "SENSE",
    "ParallelReductionFactorInPlane": 2,
    "PatientPosition": "HFS",
    "PhaseEncodingDirection": "j",
    "PhilipsRescaleIntercept": 0,
    "PhilipsRescaleSlope": 0.81441,
    "PhilipsScaleSlope": 0.0859101,
    "ProtocolName": "WIPpioprsSENSE",
    "PulseSequenceType": "gradient echo EPI",
    "ReconMatrixPE": 80,
    "RepetitionTime": 0.75,
    "SeriesDescription": "ImageMRSERIES",
    "SeriesNumber": 6,
    "SliceEncodingDirection": "k",
    "SliceTiming": [
      0.0,
      0.06755050505050506,
      0.1351010101010101,
      0.20265151515151517,
      0.2702020202020202,
      0.3377525252525253,
      0.40530303030303033,
      0.47285353535353536,
      0.5404040404040404,
      0.6079545454545455,
      0.6755050505050506,
      0.7430555555555556,
      0.0,
      0.06755050505050506,
      0.1351010101010101,
      0.20265151515151517,
      0.2702020202020202,
      0.3377525252525253,
      0.40530303030303033,
      0.47285353535353536,
      0.5404040404040404,
      0.6079545454545455,
      0.6755050505050506,
      0.7430555555555556,
      0.0,
      0.06755050505050506,
      0.1351010101010101,
      0.20265151515151517,
      0.2702020202020202,
      0.3377525252525253,
      0.40530303030303033,
      0.47285353535353536,
      0.5404040404040404,
      0.6079545454545455,
      0.6755050505050506,
      0.7430555555555556
    ],
    "TaskName": "restingstate",
    "TotalReadoutTime": 0.024699802401580786,
    "UsePhilipsFloatNotDisplayScaling": 1,
    "acq_id": "mb3",
    "dataset": "ds002785",
    "modality": "bold",
    "subject_id": "0004",
    "task_id": "restingstate"
  },
  "dummy_trs": 3,
  "dvars_nstd": 24.369529627815105,
  "dvars_std": 1.1424912307352941,
  "dvars_vstd": 1.0032548655462197,
  "efc": 0.41998297921830496,
  "fber": 173600.53125,
  "fd_mean": 0.09895623698160522,
  "fd_num": 12,
  "fd_perc": 2.5157232704402515,
  "fwhm_avg": 1.7726404120324257,
  "fwhm_x": 1.71234,
  "fwhm_y": 1.9462933333333332,
  "fwhm_z": 1.6592879027639433,
  "gcor": 0.00783069,
  "gsr_x": -0.02789412811398506,
  "gsr_y": 0.011906596831977367,
  "provenance": {
    "md5sum": "c7d4d90c1da74dd003582776fd2ce54b",
    "settings": {
      "fd_thres": 0.2,
      "testing": false
    },
    "software": "mriqc",
    "version": "22.0.0rc1",
    "webapi_port": null,
    "webapi_url": "https://mriqc.nimh.nih.gov/api/v1"
  },
  "size_t": 477,
  "size_x": 80,
  "size_y": 80,
  "size_z": 36,
  "snr": 6.456474351967892,
  "spacing_tr": 0.75,
  "spacing_x": 3.0,
  "spacing_y": 3.0,
  "spacing_z": 3.299999952316284,
  "summary_bg_k": 49.966112043780285,
  "summary_bg_mad": 44.661265297316774,
  "summary_bg_mean": 389.5788879394531,
  "summary_bg_median": 41.769561767578125,
  "summary_bg_n": 156811.0,
  "summary_bg_p05": 2.613833427429199,
  "summary_bg_p95": 1771.0884399414062,
  "summary_bg_stdv": 1282.1392822265625,
  "summary_fg_k": 1.3775918158637417,
  "summary_fg_mad": 2597.5393567740207,
  "summary_fg_mean": 17989.619140625,
  "summary_fg_median": 17930.818359375,
  "summary_fg_n": 33387.0,
  "summary_fg_p05": 13648.222851562501,
  "summary_fg_p95": 22521.64765625,
  "summary_fg_stdv": 2777.142578125,
  "tsnr": 60.754188537597656
}