{
  "aor": 0.00214305,
  "aqi": 0.00324948955,
  "bids_meta": {
    "AcquisitionNumber": 9,
    "BidsifyVersion": "0.3.5",
    "ConversionSoftware": "dcm2niix",
    "ConversionSoftwareVersion": "v1.0.20181125  GCC6.3.0",
    "EchoTime": 0.02762,
    "EffectiveEchoSpacing": 0.0006621159151938905,
    "ImageComments": "piop",
    "ImageOrientationPatientDICOM": [
      0.999721,
      -0.0227842,
      0.006244,
      0.0235597,
      0.981062,
      -0.192257
    ],
    "Manufacturer": "Philips",
    "NumberOfVolumesDiscardedByScanner": 2,
    "ParallelAcquisitionTechnique": "SENSE",
    "ParallelReductionFactorInPlane": 2,
    "PatientPosition": "HFS",
    "PhaseEncodingDirection": "j",
    "PhilipsRescaleIntercept": 0,
    "PhilipsRescaleSlope": 0.79878,
    "PhilipsScaleSlope": 0.0534661,
    "ProtocolName": "WIPpiopanticipatieSENSE",
    "PulseSequenceType": "gradient echo EPI",
    "ReconMatrixPE": 80,
    "RepetitionTime": 2,
    "SeriesDescription": "ImageMRSERIES",
    "SeriesNumber": 9,
    "SliceEncodingDirection": "k",
    "SliceTiming": [
      0.0,
      0.0541,
      0.1081,
      0.1622,
      0.2162,
      0.2703,
      0.3243,
      0.3784,
      0.4324,
      0.4865,
      0.5405,
      0.5946,
      0.6486,
      0.7027,
      0.7568,
      0.8108,
      0.8649,
      0.9189,
      0.973,
      1.027,
      1.0811,
      1.1351,
      1.1892,
      1.2432,
      1.2973,
      1.3514,
      1.4054,
      1.4595,
      1.5135,
      1.5676,
      1.6216,
      1.6757,
      1.7297,
      1.7838,
      1.8378,
      1.8919,
      1.9459
    ],
    "TaskName": "anticipation",
    "TotalReadoutTime": 0.025822520692561732,
    "UsePhilipsFloatNotDisplayScaling": 1,
    "acq_id": "seq",
    "dataset": "ds002785",
    "modality": "bold",
    "subject_id": "0004",
    "task_id": "anticipation"
  },
  "dummy_trs": 0,
  "dvars_nstd": 18.97304840668342,
  "dvars_std": 1.211770277487437,
  "dvars_vstd": 1.0279608445728645,
  "efc": 0.4132591275247406,
  "fber": 186006.5625,
  "fd_mean": 0.15139510078628485,
  "fd_num": 46,
  "fd_perc": 23.0,
  "fwhm_avg": 1.7412716241667885,
  "fwhm_x": 1.6661933333333332,
  "fwhm_y": 1.8956033333333335,
  "fwhm_z": 1.662018205833698,
  "gcor": 0.041537,
  "gsr_x": -0.026812121272087097,
  "gsr_y": 0.013268467038869858,
  "provenance": {
    "md5sum": "63b4764cdfcdf23b622016d508efcc22",
    "settings": {
      "fd_thres": 0.2,
      "testing": false
    },
    "software": "mriqc",
    "version": "22.0.0rc1",
    "webapi_port": null,
    "webapi_url": "https://mriqc.nimh.nih.gov/api/v1"
  },
  "size_t": 200,
  "size_x": 80,
  "size_y": 80,
  "size_z": 37,
  "snr": 5.53125538561325,
  "spacing_tr": 2.0,
  "spacing_x": 3.0,
  "spacing_y": 3.0,
  "spacing_z": 3.299999952316284,
  "summary_bg_k": 62.459954827180454,
  "summary_bg_mad": 59.47630981015402,
  "summary_bg_mean": 568.5797119140625,
  "summary_bg_median": 60.53285598754883,
  "summary_bg_n": 162143.0,
  "summary_bg_p05": 5.053647899627686,
  "summary_bg_p95": 2563.9553222656245,
  "summary_bg_stdv": 1969.842041015625,
  "summary_fg_k": 1.7789804989969031,
  "summary_fg_mad": 4532.193362258388,
  "summary_fg_mean": 27219.876953125,
  "summary_fg_median": 26811.298828125,
  "summary_fg_n": 33810.0,
  "summary_fg_p05": 20251.521875,
  "summary_fg_p95": 35251.2994140625,
  "summary_fg_stdv": 4847.1640625,
  "tsnr": 88.57913208007812
}