{
  "aor": 0.0003270909090909091,
  "aqi": 0.006165870848484849,
  "bids_meta": {
    "AcquisitionNumber": 2,
    "BidsifyVersion": "0.3.5",
    "ConversionSoftware": "dcm2niix",
    "ConversionSoftwareVersion": "v1.0.20181125  GCC6.3.0",
    "EchoTime": 0.02762,
    "EffectiveEchoSpacing": 0.0006333282667071997,
    "ImageComments": "Piop",
    "ImageOrientationPatientDICOM": [
      0.999481,
      -0.00983621,
      0.0306641,
      0.0169225,
      0.970563,
      -0.240252
    ],
    "Manufacturer": "Philips",
    "NumberOfVolumesDiscardedByScanner": 2,
    "ParallelAcquisitionTechnique": "SENSE",
    "ParallelReductionFactorInPlane": 2,
    "PatientPosition": "HFS",
    "PhaseEncodingDirection": "j",
    "PhilipsRescaleIntercept": 0,
    "PhilipsRescaleSlope": 0.77729,
    "PhilipsScaleSlope": 0.0927355,
    "ProtocolName": "WIPpiopfacesSENSE",
    "PulseSequenceType": "gradient echo EPI",
    "ReconMatrixPE": 80,
    "RepetitionTime": 0.75,
    "SeriesDescription": "ImageMRSERIES",
    "SeriesNumber": 2,
    "SliceEncodingDirection": "k",
    "SliceTiming": [
      0.0,
      0.06755050505050506,
      0.1351010101010101,
      0.20265151515151517,
      0.2702020202020202,
      0.3377525252525253,
      0.40530303030303033,
      0.47285353535353536,
      0.5404040404040404,
      0.6079545454545455,
      0.6755050505050506,
      0.7430555555555556,
      0.0,
      0.06755050505050506,
      0.1351010101010101,
      0.20265151515151517,
      0.2702020202020202,
      0.3377525252525253,
      0.40530303030303033,
      0.47285353535353536,
      0.5404040404040404,
      0.6079545454545455,
      0.6755050505050506,
      0.7430555555555556,
      0.0,
      0.06755050505050506,
      0.1351010101010101,
      0.20265151515151517,
      0.2702020202020202,
      0.3377525252525253,
      0.40530303030303033,
      0.47285353535353536,
      0.5404040404040404,
      0.6079545454545455,
      0.6755050505050506,
      0.7430555555555556
    ],
    "TaskName": "faces",
    "TotalReadoutTime": 0.024699802401580786,
    "UsePhilipsFloatNotDisplayScaling": 1,
    "acq_id": "mb3",
    "dataset": "ds002785",
    "modality": "bold",
    "subject_id": "0122",
    "task_id": "faces"
  },
  "dummy_trs": 0,
  "dvars_nstd": 23.473344008571416,
  "dvars_std": 1.1661419348936168,
  "dvars_vstd": 1.0026493759270512,
  "efc": 0.4368640422604011,
  "fber": 203499.203125,
  "fd_mean": 0.11186591612704022,
  "fd_num": 16,
  "fd_perc": 4.848484848484849,
  "fwhm_avg": 2.015914800953462,
  "fwhm_x": 2.0285100000000003,
  "fwhm_y": 2.16871,
  "fwhm_z": 1.8505244028603873,
  "gcor": 0.0229487,
  "gsr_x": -0.013975595124065876,
  "gsr_y": 0.011490244418382645,
  "provenance": {
    "md5sum": "d4258e49f08ff899968ca77b62a47520",
    "settings": {
      "fd_thres": 0.2,
      "testing": false
    },
    "software": "mriqc",
    "version": "22.0.0rc1",
    "webapi_port": null,
    "webapi_url": "https://mriqc.nimh.nih.gov/api/v1"
  },
  "size_t": 330,
  "size_x": 80,
  "size_y": 80,
  "size_z": 36,
  "snr": 6.901333569815563,
  "spacing_tr": 0.75,
  "spacing_x": 3.0,
  "spacing_y": 3.0,
  "spacing_z": 3.299999713897705,
  "summary_bg_k": 76.33886978746959,
  "summary_bg_mad": 45.796331719752466,
  "summary_bg_mean": 382.8317565917969,
  "summary_bg_median": 39.199398040771484,
  "summary_bg_n": 153124.0,
  "summary_bg_p05": 2.6811934947967533,
  "summary_bg_p95": 1899.8104492187526,
  "summary_bg_stdv": 1126.3114013671875,
  "summary_fg_k": 0.9004791497921283,
  "summary_fg_mad": 2479.591400594001,
  "summary_fg_mean": 18131.392578125,
  "summary_fg_median": 18066.90625,
  "summary_fg_n": 35965.0,
  "summary_fg_p05": 13982.8115234375,
  "summary_fg_p95": 22390.4125,
  "summary_fg_stdv": 2617.849853515625,
  "tsnr": 66.11997985839844
}