{
  "aor": 0.0028100617283950617,
  "aqi": 0.006546987469135803,
  "bids_meta": {
    "AcquisitionNumber": 8,
    "BidsifyVersion": "0.3.5",
    "ConversionSoftware": "dcm2niix",
    "ConversionSoftwareVersion": "v1.0.20181125  GCC6.3.0",
    "EchoTime": 0.02762,
    "EffectiveEchoSpacing": 0.0006621159151938905,
    "ImageComments": "Piop",
    "ImageOrientationPatientDICOM": [
      0.999481,
      -0.00983621,
      0.0306641,
      0.0169225,
      0.970563,
      -0.240252
    ],
    "Manufacturer": "Philips",
    "NumberOfVolumesDiscardedByScanner": 2,
    "ParallelAcquisitionTechnique": "SENSE",
    "ParallelReductionFactorInPlane": 2,
    "PatientPosition": "HFS",
    "PhaseEncodingDirection": "j",
    "PhilipsRescaleIntercept": 0,
    "PhilipsRescaleSlope": 0.74945,
    "PhilipsScaleSlope": 0.060773,
    "ProtocolName": "WIPpiopwmSENSE",
    "PulseSequenceType": "gradient echo EPI",
    "ReconMatrixPE": 80,
    "RepetitionTime": 2,
    "SeriesDescription": "ImageMRSERIES",
    "SeriesNumber": 8,
    "SliceEncodingDirection": "k",
    "SliceTiming": [
      0.0,
      0.0541,
      0.1081,
      0.1622,
      0.2162,
      0.2703,
      0.3243,
      0.3784,
      0.4324,
      0.4865,
      0.5405,
      0.5946,
      0.6486,
      0.7027,
      0.7568,
      0.8108,
      0.8649,
      0.9189,
      0.973,
      1.027,
      1.0811,
      1.1351,
      1.1892,
      1.2432,
      1.2973,
      1.3514,
      1.4054,
      1.4595,
      1.5135,
      1.5676,
      1.6216,
      1.6757,
      1.7297,
      1.7838,
      1.8378,
      1.8919,
      1.9459
    ],
    "TaskName": "workingmemory",
    "TotalReadoutTime": 0.025822520692561732,
    "UsePhilipsFloatNotDisplayScaling": 1,
    "acq_id": "seq",
    "dataset": "ds002785",
    "modality": "bold",
    "subject_id": "0122",
    "task_id": "workingmemory"
  },
  "dummy_trs": 0,
  "dvars_nstd": 21.114973595279515,
  "dvars_std": 1.1788610883850934,
  "dvars_vstd": 0.9873759122981364,
  "efc": 0.4301835412580813,
  "fber": 188842.453125,
  "fd_mean": 0.13332860563449603,
  "fd_num": 19,
  "fd_perc": 11.728395061728396,
  "fwhm_avg": 1.8466082913024253,
  "fwhm_x": 1.8209833333333334,
  "fwhm_y": 1.9594566666666668,
  "fwhm_z": 1.7593848739072753,
  "gcor": 0.0280326,
  "gsr_x": -0.012192931957542896,
  "gsr_y": 0.015770098194479942,
  "provenance": {
    "md5sum": "c6216a2bf1b01ddbfd6a9ecf08c08600",
    "settings": {
      "fd_thres": 0.2,
      "testing": false
    },
    "software": "mriqc",
    "version": "22.0.0rc1",
    "webapi_port": null,
    "webapi_url": "https://mriqc.nimh.nih.gov/api/v1"
  },
  "size_t": 162,
  "size_x": 80,
  "size_y": 80,
  "size_z": 37,
  "snr": 5.356189672959518,
  "spacing_tr": 2.0,
  "spacing_x": 3.0,
  "spacing_y": 3.0,
  "spacing_z": 3.299999952316284,
  "summary_bg_k": 102.60358289761496,
  "summary_bg_mad": 58.7902130730385,
  "summary_bg_mean": 520.5076904296875,
  "summary_bg_median": 54.156654357910156,
  "summary_bg_n": 158112.0,
  "summary_bg_p05": 5.298780608177185,
  "summary_bg_p95": 2638.215332031246,
  "summary_bg_stdv": 1644.815185546875,
  "summary_fg_k": 1.5357212534228246,
  "summary_fg_mad": 4220.4559758653795,
  "summary_fg_mean": 24566.49609375,
  "summary_fg_median": 24119.97265625,
  "summary_fg_n": 36687.0,
  "summary_fg_p05": 18000.90234375,
  "summary_fg_p95": 31985.053515624997,
  "summary_fg_stdv": 4503.134765625,
  "tsnr": 66.40412902832031
}