{
  "aor": 0.0022180042016806726,
  "aqi": 0.016789788109243697,
  "bids_meta": {
    "AcquisitionNumber": 6,
    "BidsifyVersion": "0.3.5",
    "ConversionSoftware": "dcm2niix",
    "ConversionSoftwareVersion": "v1.0.20181125  GCC6.3.0",
    "EchoTime": 0.02762,
    "EffectiveEchoSpacing": 0.0006333282667071997,
    "ImageComments": "Piop",
    "ImageOrientationPatientDICOM": [
      0.999481,
      -0.00983621,
      0.0306641,
      0.0169225,
      0.970563,
      -0.240252
    ],
    "Manufacturer": "Philips",
    "NumberOfVolumesDiscardedByScanner": 2,
    "ParallelAcquisitionTechnique": "SENSE",
    "ParallelReductionFactorInPlane": 2,
    "PatientPosition": "HFS",
    "PhaseEncodingDirection": "j",
    "PhilipsRescaleIntercept": 0,
    "PhilipsRescaleSlope": 0.75238,
    "PhilipsScaleSlope": 0.0965737,
    "ProtocolName": "WIPpioprsSENSE",
    "PulseSequenceType": "gradient echo EPI",
    "ReconMatrixPE": 80,
    "RepetitionTime": 0.75,
    "SeriesDescription": "ImageMRSERIES",
    "SeriesNumber": 6,
    "SliceEncodingDirection": "k",
    "SliceTiming": [
      0.0,
      0.06755050505050506,
      0.1351010101010101,
      0.20265151515151517,
      0.2702020202020202,
      0.3377525252525253,
      0.40530303030303033,
      0.47285353535353536,
      0.5404040404040404,
      0.6079545454545455,
      0.6755050505050506,
      0.7430555555555556,
      0.0,
      0.06755050505050506,
      0.1351010101010101,
      0.20265151515151517,
      0.2702020202020202,
      0.3377525252525253,
      0.40530303030303033,
      0.47285353535353536,
      0.5404040404040404,
      0.6079545454545455,
      0.6755050505050506,
      0.7430555555555556,
      0.0,
      0.06755050505050506,
      0.1351010101010101,
      0.20265151515151517,
      0.2702020202020202,
      0.3377525252525253,
      0.40530303030303033,
      0.47285353535353536,
      0.5404040404040404,
      0.6079545454545455,
      0.6755050505050506,
      0.7430555555555556
    ],
    "TaskName": "restingstate",
    "TotalReadoutTime": 0.024699802401580786,
    "UsePhilipsFloatNotDisplayScaling": 1,
    "acq_id": "mb3",
    "dataset": "ds002785",
    "modality": "bold",
    "subject_id": "0122",
    "task_id": "restingstate"
  },
  "dummy_trs": 4,
  "dvars_nstd": 27.808139455642113,
  "dvars_std": 1.1482736929894723,
  "dvars_vstd": 1.0117806034526324,
  "efc": 0.4384451718663351,
  "fber": 191724.390625,
  "fd_mean": 0.12473905488357735,
  "fd_num": 51,
  "fd_perc": 10.714285714285714,
  "fwhm_avg": 1.777577583800098,
  "fwhm_x": 1.7591599999999998,
  "fwhm_y": 1.9038000000000002,
  "fwhm_z": 1.6697727514002938,
  "gcor": 0.0248526,
  "gsr_x": -0.01383410394191742,
  "gsr_y": 0.013043727725744247,
  "provenance": {
    "md5sum": "db3cf89cd039637cf574152b56bb9093",
    "settings": {
      "fd_thres": 0.2,
      "testing": false
    },
    "software": "mriqc",
    "version": "22.0.0rc1",
    "webapi_port": null,
    "webapi_url": "https://mriqc.nimh.nih.gov/api/v1"
  },
  "size_t": 476,
  "size_x": 80,
  "size_y": 80,
  "size_z": 36,
  "snr": 7.184762520323896,
  "spacing_tr": 0.75,
  "spacing_x": 3.0,
  "spacing_y": 3.0,
  "spacing_z": 3.299999952316284,
  "summary_bg_k": 75.88815575739342,
  "summary_bg_mad": 44.91096138790512,
  "summary_bg_mean": 385.8524169921875,
  "summary_bg_median": 38.93763732910156,
  "summary_bg_n": 152900.0,
  "summary_bg_p05": 3.2553562402725222,
  "summary_bg_p95": 1922.028314208981,
  "summary_bg_stdv": 1156.8299560546875,
  "summary_fg_k": 1.5227201100610879,
  "summary_fg_mad": 2241.5584561299434,
  "summary_fg_mean": 17467.5546875,
  "summary_fg_median": 17446.115234375,
  "summary_fg_n": 36065.0,
  "summary_fg_p05": 13597.192578125,
  "summary_fg_p95": 21313.112109374997,
  "summary_fg_stdv": 2428.1767578125,
  "tsnr": 44.329139709472656
}