{
  "aor": 0.0014734693877551022,
  "aqi": 0.004283702244897959,
  "bids_meta": {
    "AcquisitionNumber": 3,
    "BidsifyVersion": "0.3.5",
    "ConversionSoftware": "dcm2niix",
    "ConversionSoftwareVersion": "v1.0.20181125  GCC6.3.0",
    "EchoTime": 0.02762,
    "EffectiveEchoSpacing": 0.0006621159151938905,
    "ImageComments": "Piop",
    "ImageOrientationPatientDICOM": [
      0.999481,
      -0.00983621,
      0.0306641,
      0.0169225,
      0.970563,
      -0.240252
    ],
    "Manufacturer": "Philips",
    "NumberOfVolumesDiscardedByScanner": 2,
    "ParallelAcquisitionTechnique": "SENSE",
    "ParallelReductionFactorInPlane": 2,
    "PatientPosition": "HFS",
    "PhaseEncodingDirection": "j",
    "PhilipsRescaleIntercept": 0,
    "PhilipsRescaleSlope": 0.75385,
    "PhilipsScaleSlope": 0.0577888,
    "ProtocolName": "WIPpiopgstroopSENSE",
    "PulseSequenceType": "gradient echo EPI",
    "ReconMatrixPE": 80,
    "RepetitionTime": 2,
    "SeriesDescription": "ImageMRSERIES",
    "SeriesNumber": 3,
    "SliceEncodingDirection": "k",
    "SliceTiming": [
      0.0,
      0.0541,
      0.1081,
      0.1622,
      0.2162,
      0.2703,
      0.3243,
      0.3784,
      0.4324,
      0.4865,
      0.5405,
      0.5946,
      0.6486,
      0.7027,
      0.7568,
      0.8108,
      0.8649,
      0.9189,
      0.973,
      1.027,
      1.0811,
      1.1351,
      1.1892,
      1.2432,
      1.2973,
      1.3514,
      1.4054,
      1.4595,
      1.5135,
      1.5676,
      1.6216,
      1.6757,
      1.7297,
      1.7838,
      1.8378,
      1.8919,
      1.9459
    ],
    "TaskName": "gstroop",
    "TotalReadoutTime": 0.025822520692561732,
    "UsePhilipsFloatNotDisplayScaling": 1,
    "acq_id": "seq",
    "dataset": "ds002785",
    "modality": "bold",
    "subject_id": "0122",
    "task_id": "gstroop"
  },
  "dummy_trs": 0,
  "dvars_nstd": 20.188064751188527,
  "dvars_std": 1.2391496209836064,
  "dvars_vstd": 1.0167243585245904,
  "efc": 0.4292356291108765,
  "fber": 199424.890625,
  "fd_mean": 0.10308605717329479,
  "fd_num": 13,
  "fd_perc": 5.3061224489795915,
  "fwhm_avg": 1.772115563721673,
  "fwhm_x": 1.73844,
  "fwhm_y": 1.8824733333333334,
  "fwhm_z": 1.6954333578316856,
  "gcor": 0.037813,
  "gsr_x": -0.011749876663088799,
  "gsr_y": 0.01458579022437334,
  "provenance": {
    "md5sum": "1940bad94287bd6e2321c8ac9aa8e0c9",
    "settings": {
      "fd_thres": 0.2,
      "testing": false
    },
    "software": "mriqc",
    "version": "22.0.0rc1",
    "webapi_port": null,
    "webapi_url": "https://mriqc.nimh.nih.gov/api/v1"
  },
  "size_t": 245,
  "size_x": 80,
  "size_y": 80,
  "size_z": 37,
  "snr": 5.589396849336655,
  "spacing_tr": 2.0,
  "spacing_x": 3.0,
  "spacing_y": 3.0,
  "spacing_z": 3.299999952316284,
  "summary_bg_k": 116.32870459172443,
  "summary_bg_mad": 57.76931217940665,
  "summary_bg_mean": 516.71240234375,
  "summary_bg_median": 54.10375213623047,
  "summary_bg_n": 158164.0,
  "summary_bg_p05": 5.209772682189943,
  "summary_bg_p95": 2587.366870117188,
  "summary_bg_stdv": 1687.2108154296875,
  "summary_fg_k": 1.851921875390576,
  "summary_fg_mad": 4079.4697711493623,
  "summary_fg_mean": 25164.458984375,
  "summary_fg_median": 24708.609375,
  "summary_fg_n": 36690.0,
  "summary_fg_p05": 18795.30087890625,
  "summary_fg_p95": 32475.619726562494,
  "summary_fg_stdv": 4420.5615234375,
  "tsnr": 80.09085845947266
}