{
  "aor": 0.00224965,
  "aqi": 0.006058300200000001,
  "bids_meta": {
    "AcquisitionNumber": 9,
    "BidsifyVersion": "0.3.5",
    "ConversionSoftware": "dcm2niix",
    "ConversionSoftwareVersion": "v1.0.20181125  GCC6.3.0",
    "EchoTime": 0.02762,
    "EffectiveEchoSpacing": 0.0006621159151938905,
    "ImageComments": "Piop",
    "ImageOrientationPatientDICOM": [
      0.999481,
      -0.00983621,
      0.0306641,
      0.0169225,
      0.970563,
      -0.240252
    ],
    "Manufacturer": "Philips",
    "NumberOfVolumesDiscardedByScanner": 2,
    "ParallelAcquisitionTechnique": "SENSE",
    "ParallelReductionFactorInPlane": 2,
    "PatientPosition": "HFS",
    "PhaseEncodingDirection": "j",
    "PhilipsRescaleIntercept": 0,
    "PhilipsRescaleSlope": 0.75849,
    "PhilipsScaleSlope": 0.0586076,
    "ProtocolName": "WIPpiopanticipatieSENSE",
    "PulseSequenceType": "gradient echo EPI",
    "ReconMatrixPE": 80,
    "RepetitionTime": 2,
    "SeriesDescription": "ImageMRSERIES",
    "SeriesNumber": 9,
    "SliceEncodingDirection": "k",
    "SliceTiming": [
      0.0,
      0.0541,
      0.1081,
      0.1622,
      0.2162,
      0.2703,
      0.3243,
      0.3784,
      0.4324,
      0.4865,
      0.5405,
      0.5946,
      0.6486,
      0.7027,
      0.7568,
      0.8108,
      0.8649,
      0.9189,
      0.973,
      1.027,
      1.0811,
      1.1351,
      1.1892,
      1.2432,
      1.2973,
      1.3514,
      1.4054,
      1.4595,
      1.5135,
      1.5676,
      1.6216,
      1.6757,
      1.7297,
      1.7838,
      1.8378,
      1.8919,
      1.9459
    ],
    "TaskName": "anticipation",
    "TotalReadoutTime": 0.025822520692561732,
    "UsePhilipsFloatNotDisplayScaling": 1,
    "acq_id": "seq",
    "dataset": "ds002785",
    "modality": "bold",
    "subject_id": "0122",
    "task_id": "anticipation"
  },
  "dummy_trs": 0,
  "dvars_nstd": 21.69288678361809,
  "dvars_std": 1.2004896617587943,
  "dvars_vstd": 0.9932169418592971,
  "efc": 0.4284462361243393,
  "fber": 187087.640625,
  "fd_mean": 0.13464740181408152,
  "fd_num": 21,
  "fd_perc": 10.5,
  "fwhm_avg": 1.8739253621338647,
  "fwhm_x": 1.853,
  "fwhm_y": 1.98357,
  "fwhm_z": 1.785206086401594,
  "gcor": 0.021347,
  "gsr_x": -0.012051231227815151,
  "gsr_y": 0.015211410820484161,
  "provenance": {
    "md5sum": "6b9099d87f5f84c497fb92b6f5f105cb",
    "settings": {
      "fd_thres": 0.2,
      "testing": false
    },
    "software": "mriqc",
    "version": "22.0.0rc1",
    "webapi_port": null,
    "webapi_url": "https://mriqc.nimh.nih.gov/api/v1"
  },
  "size_t": 200,
  "size_x": 80,
  "size_y": 80,
  "size_z": 37,
  "snr": 5.230685310802691,
  "spacing_tr": 2.0,
  "spacing_x": 3.0,
  "spacing_y": 3.0,
  "spacing_z": 3.299999952316284,
  "summary_bg_k": 104.74118824876095,
  "summary_bg_mad": 61.52679306411315,
  "summary_bg_mean": 512.0062255859375,
  "summary_bg_median": 54.971622467041016,
  "summary_bg_n": 158344.0,
  "summary_bg_p05": 4.703169417381288,
  "summary_bg_p95": 2611.5883789062527,
  "summary_bg_stdv": 1605.2408447265625,
  "summary_fg_k": 1.6169132035226843,
  "summary_fg_mad": 4354.359280139082,
  "summary_fg_mean": 24767.861328125,
  "summary_fg_median": 24306.791015625,
  "summary_fg_n": 36527.0,
  "summary_fg_p05": 18019.841210937502,
  "summary_fg_p95": 32398.8107421875,
  "summary_fg_stdv": 4646.8974609375,
  "tsnr": 66.93190002441406
}