{
  "bids_meta": {
    "AcquisitionNumber": 4,
    "BidsifyVersion": "0.3.5",
    "ConversionSoftware": "dcm2niix",
    "ConversionSoftwareVersion": "v1.0.20181125  GCC6.3.0",
    "EchoTime": 0.00377,
    "ImageComments": "Piop",
    "ImageOrientationPatientDICOM": [
      0.999034,
      0.0291783,
      -0.0328687,
      -0.0322686,
      0.994684,
      -0.0977886
    ],
    "Manufacturer": "Philips",
    "PatientPosition": "HFS",
    "PhilipsRescaleIntercept": 0,
    "PhilipsRescaleSlope": 9.25714,
    "PhilipsScaleSlope": 0.00730305,
    "ProtocolName": "WIPt13dSENSE",
    "ReconMatrixPE": 240,
    "RepetitionTime": 0.008227,
    "SeriesDescription": "ImageMRSERIES",
    "SeriesNumber": 4,
    "UsePhilipsFloatNotDisplayScaling": 1,
    "dataset": "ds002785",
    "modality": "T1w",
    "subject_id": "0001"
  },
  "cjv": 0.32378983064912237,
  "cnr": 3.955269962592459,
  "efc": 0.7412400296293381,
  "fber": 1377.88427734375,
  "fwhm_avg": 3.5323702047930365,
  "fwhm_x": 3.473510207037342,
  "fwhm_y": 3.70657,
  "fwhm_z": 3.4170304073417674,
  "icvs_csf": 0.22002761413530136,
  "icvs_gm": 0.4126857867318464,
  "icvs_wm": 0.3672865991328522,
  "inu_med": 1.3858189582824707,
  "inu_range": 0.2598831892013549,
  "provenance": {
    "md5sum": "75299540d520042f9da0ec013e0d85c0",
    "settings": {
      "testing": false
    },
    "software": "mriqc",
    "version": "22.0.0rc1",
    "warnings": {
      "large_rot_frame": true,
      "small_air_mask": true
    },
    "webapi_port": null,
    "webapi_url": "https://mriqc.nimh.nih.gov/api/v1"
  },
  "qi_1": 0.0,
  "qi_2": 2.8320844553863994e-05,
  "rpve_csf": 31.143868806346738,
  "rpve_gm": 17.151603578425327,
  "rpve_wm": 24.876358092743757,
  "size_x": 240,
  "size_y": 240,
  "size_z": 220,
  "snr_csf": 3.605474983409928,
  "snr_gm": 7.70522665937529,
  "snr_total": 10.240315441305453,
  "snr_wm": 19.41024468113114,
  "snrd_csf": 24.15512097249224,
  "snrd_gm": 43.612190098220005,
  "snrd_total": 46.09457774243446,
  "snrd_wm": 70.51642215659113,
  "spacing_x": 0.9999999403953552,
  "spacing_y": 1.0,
  "spacing_z": 0.9999998807907104,
  "summary_bg_k": 6.506758448953347,
  "summary_bg_mad": 9.290400181168854,
  "summary_bg_mean": 15.178998947143555,
  "summary_bg_median": 12.302558898925781,
  "summary_bg_n": 276764.0,
  "summary_bg_p05": 0.0,
  "summary_bg_p95": 43.328653717041014,
  "summary_bg_stdv": 14.434484481811523,
  "summary_csf_k": 51.015003917001344,
  "summary_csf_mad": 74.99556549179545,
  "summary_csf_mean": 331.1876220703125,
  "summary_csf_median": 342.5404968261719,
  "summary_csf_n": 5031.0,
  "summary_csf_p05": 168.45123291015625,
  "summary_csf_p95": 452.0989532470703,
  "summary_csf_stdv": 94.99620819091797,
  "summary_gm_k": 0.37472082028124243,
  "summary_gm_mad": 75.96983531513166,
  "summary_gm_mean": 618.6439819335938,
  "summary_gm_median": 618.4585571289062,
  "summary_gm_n": 16478.0,
  "summary_gm_p05": 487.60614013671875,
  "summary_gm_p95": 751.8228973388672,
  "summary_gm_stdv": 80.26237487792969,
  "summary_wm_k": 0.7755847681128603,
  "summary_wm_mad": 47.564166778551545,
  "summary_wm_mean": 998.8729248046875,
  "summary_wm_median": 999.9838256835938,
  "summary_wm_n": 168934.0,
  "summary_wm_p05": 912.4752136230469,
  "summary_wm_p95": 1080.6694458007812,
  "summary_wm_stdv": 51.5181999206543,
  "tpm_overlap_csf": 0.14920713007450104,
  "tpm_overlap_gm": 0.42426133155822754,
  "tpm_overlap_wm": 0.4947965443134308,
  "wm2max": 0.725678495965299
}