{
  "aor": 0.002568775510204082,
  "aqi": 0.006000565224489797,
  "bids_meta": {
    "AcquisitionNumber": 3,
    "BidsifyVersion": "0.3.5",
    "ConversionSoftware": "dcm2niix",
    "ConversionSoftwareVersion": "v1.0.20181125  GCC6.3.0",
    "EchoTime": 0.02762,
    "EffectiveEchoSpacing": 0.0006621159151938905,
    "ImageComments": "piop",
    "ImageOrientationPatientDICOM": [
      0.998685,
      -0.0420524,
      0.0293081,
      0.0444768,
      0.995156,
      -0.0876772
    ],
    "Manufacturer": "Philips",
    "NumberOfVolumesDiscardedByScanner": 2,
    "ParallelAcquisitionTechnique": "SENSE",
    "ParallelReductionFactorInPlane": 2,
    "PatientPosition": "HFS",
    "PhaseEncodingDirection": "j",
    "PhilipsRescaleIntercept": 0,
    "PhilipsRescaleSlope": 0.89206,
    "PhilipsScaleSlope": 0.0641198,
    "ProtocolName": "WIPpiopgstroopSENSE",
    "PulseSequenceType": "gradient echo EPI",
    "ReconMatrixPE": 80,
    "RepetitionTime": 2,
    "SeriesDescription": "ImageMRSERIES",
    "SeriesNumber": 3,
    "SliceEncodingDirection": "k",
    "SliceTiming": [
      0.0,
      0.0541,
      0.1081,
      0.1622,
      0.2162,
      0.2703,
      0.3243,
      0.3784,
      0.4324,
      0.4865,
      0.5405,
      0.5946,
      0.6486,
      0.7027,
      0.7568,
      0.8108,
      0.8649,
      0.9189,
      0.973,
      1.027,
      1.0811,
      1.1351,
      1.1892,
      1.2432,
      1.2973,
      1.3514,
      1.4054,
      1.4595,
      1.5135,
      1.5676,
      1.6216,
      1.6757,
      1.7297,
      1.7838,
      1.8378,
      1.8919,
      1.9459
    ],
    "TaskName": "gstroop",
    "TotalReadoutTime": 0.025822520692561732,
    "UsePhilipsFloatNotDisplayScaling": 1,
    "acq_id": "seq",
    "dataset": "ds002785",
    "modality": "bold",
    "subject_id": "0036",
    "task_id": "gstroop"
  },
  "dummy_trs": 0,
  "dvars_nstd": 25.35711221991802,
  "dvars_std": 1.3732886402049178,
  "dvars_vstd": 1.0167215735245905,
  "efc": 0.4302794230521936,
  "fber": 179712.328125,
  "fd_mean": 0.17973805506360038,
  "fd_num": 86,
  "fd_perc": 35.10204081632653,
  "fwhm_avg": 1.7739816244217437,
  "fwhm_x": 1.7252833333333333,
  "fwhm_y": 1.88171,
  "fwhm_z": 1.7149515399318975,
  "gcor": 0.0216314,
  "gsr_x": -0.011547050438821316,
  "gsr_y": 0.01372619066387415,
  "provenance": {
    "md5sum": "5510c279aca56062950dc8065fe61692",
    "settings": {
      "fd_thres": 0.2,
      "testing": false
    },
    "software": "mriqc",
    "version": "22.0.0rc1",
    "webapi_port": null,
    "webapi_url": "https://mriqc.nimh.nih.gov/api/v1"
  },
  "size_t": 245,
  "size_x": 80,
  "size_y": 80,
  "size_z": 37,
  "snr": 5.662304094372045,
  "spacing_tr": 2.0,
  "spacing_x": 3.0,
  "spacing_y": 3.0,
  "spacing_z": 3.299999952316284,
  "summary_bg_k": 97.31128154866425,
  "summary_bg_mad": 57.41314935254812,
  "summary_bg_mean": 554.320068359375,
  "summary_bg_median": 51.478973388671875,
  "summary_bg_n": 159488.0,
  "summary_bg_p05": 2.319247853755951,
  "summary_bg_p95": 2817.002038574217,
  "summary_bg_stdv": 1834.0621337890625,
  "summary_fg_k": 1.638347166731685,
  "summary_fg_mad": 3821.198727261212,
  "summary_fg_mean": 22737.13671875,
  "summary_fg_median": 22349.064453125,
  "summary_fg_n": 36417.0,
  "summary_fg_p05": 17074.653515625,
  "summary_fg_p95": 29154.57382812499,
  "summary_fg_stdv": 3946.93701171875,
  "tsnr": 73.20489501953125
}