{
  "aor": 0.00202685,
  "aqi": 0.009424554750000001,
  "bids_meta": {
    "AcquisitionNumber": 9,
    "BidsifyVersion": "0.3.5",
    "ConversionSoftware": "dcm2niix",
    "ConversionSoftwareVersion": "v1.0.20181125  GCC6.3.0",
    "EchoTime": 0.02762,
    "EffectiveEchoSpacing": 0.0006621159151938905,
    "ImageComments": "piop",
    "ImageOrientationPatientDICOM": [
      0.998442,
      -0.0364721,
      0.0422186,
      0.0409743,
      0.992951,
      -0.111219
    ],
    "Manufacturer": "Philips",
    "NumberOfVolumesDiscardedByScanner": 2,
    "ParallelAcquisitionTechnique": "SENSE",
    "ParallelReductionFactorInPlane": 2,
    "PatientPosition": "HFS",
    "PhaseEncodingDirection": "j",
    "PhilipsRescaleIntercept": 0,
    "PhilipsRescaleSlope": 0.81905,
    "PhilipsScaleSlope": 0.062059,
    "ProtocolName": "WIPpiopanticipatieSENSE",
    "PulseSequenceType": "gradient echo EPI",
    "ReconMatrixPE": 80,
    "RepetitionTime": 2,
    "SeriesDescription": "ImageMRSERIES",
    "SeriesNumber": 9,
    "SliceEncodingDirection": "k",
    "SliceTiming": [
      0.0,
      0.0541,
      0.1081,
      0.1622,
      0.2162,
      0.2703,
      0.3243,
      0.3784,
      0.4324,
      0.4865,
      0.5405,
      0.5946,
      0.6486,
      0.7027,
      0.7568,
      0.8108,
      0.8649,
      0.9189,
      0.973,
      1.027,
      1.0811,
      1.1351,
      1.1892,
      1.2432,
      1.2973,
      1.3514,
      1.4054,
      1.4595,
      1.5135,
      1.5676,
      1.6216,
      1.6757,
      1.7297,
      1.7838,
      1.8378,
      1.8919,
      1.9459
    ],
    "TaskName": "anticipation",
    "TotalReadoutTime": 0.025822520692561732,
    "UsePhilipsFloatNotDisplayScaling": 1,
    "acq_id": "seq",
    "dataset": "ds002785",
    "modality": "bold",
    "subject_id": "0153",
    "task_id": "anticipation"
  },
  "dummy_trs": 0,
  "dvars_nstd": 22.750470444170862,
  "dvars_std": 1.1276565702010053,
  "dvars_vstd": 0.9714009762814072,
  "efc": 0.43014409390684605,
  "fber": 161057.625,
  "fd_mean": 0.1985126671205734,
  "fd_num": 69,
  "fd_perc": 34.5,
  "fwhm_avg": 1.807855765732855,
  "fwhm_x": 1.7628533333333334,
  "fwhm_y": 1.9671533333333333,
  "fwhm_z": 1.6935606305318982,
  "gcor": 0.0165923,
  "gsr_x": -0.019555460661649704,
  "gsr_y": 0.02336697466671467,
  "provenance": {
    "md5sum": "deeee210184da80f889b901f8b1866e6",
    "settings": {
      "fd_thres": 0.2,
      "testing": false
    },
    "software": "mriqc",
    "version": "22.0.0rc1",
    "webapi_port": null,
    "webapi_url": "https://mriqc.nimh.nih.gov/api/v1"
  },
  "size_t": 200,
  "size_x": 80,
  "size_y": 80,
  "size_z": 37,
  "snr": 5.481552885220568,
  "spacing_tr": 2.0,
  "spacing_x": 3.0,
  "spacing_y": 3.0,
  "spacing_z": 3.299999952316284,
  "summary_bg_k": 63.31561315257669,
  "summary_bg_mad": 57.718274628499245,
  "summary_bg_mean": 619.6640625,
  "summary_bg_median": 52.737003326416016,
  "summary_bg_n": 160648.0,
  "summary_bg_p05": 2.6611577153205874,
  "summary_bg_p95": 3476.0540405273437,
  "summary_bg_stdv": 1849.4173583984375,
  "summary_fg_k": 1.7779363337840826,
  "summary_fg_mad": 3719.969138090063,
  "summary_fg_mean": 22156.806640625,
  "summary_fg_median": 21686.927734375,
  "summary_fg_n": 35058.0,
  "summary_fg_p05": 16660.91064453125,
  "summary_fg_p95": 28868.55712890625,
  "summary_fg_stdv": 3956.291015625,
  "tsnr": 57.791316986083984
}