{
  "aor": 0.0012783125000000002,
  "aqi": 0.016807874083333334,
  "bids_meta": {
    "AcquisitionNumber": 6,
    "BidsifyVersion": "0.3.5",
    "ConversionSoftware": "dcm2niix",
    "ConversionSoftwareVersion": "v1.0.20181125  GCC6.3.0",
    "EchoTime": 0.02762,
    "EffectiveEchoSpacing": 0.0006333282667071997,
    "ImageComments": "piop",
    "ImageOrientationPatientDICOM": [
      0.998442,
      -0.0364721,
      0.0422186,
      0.0409743,
      0.992951,
      -0.111219
    ],
    "Manufacturer": "Philips",
    "NumberOfVolumesDiscardedByScanner": 2,
    "ParallelAcquisitionTechnique": "SENSE",
    "ParallelReductionFactorInPlane": 2,
    "PatientPosition": "HFS",
    "PhaseEncodingDirection": "j",
    "PhilipsRescaleIntercept": 0,
    "PhilipsRescaleSlope": 0.7685,
    "PhilipsScaleSlope": 0.0965465,
    "ProtocolName": "WIPpioprsSENSE",
    "PulseSequenceType": "gradient echo EPI",
    "ReconMatrixPE": 80,
    "RepetitionTime": 0.75,
    "SeriesDescription": "ImageMRSERIES",
    "SeriesNumber": 6,
    "SliceEncodingDirection": "k",
    "SliceTiming": [
      0.0,
      0.06755050505050506,
      0.1351010101010101,
      0.20265151515151517,
      0.2702020202020202,
      0.3377525252525253,
      0.40530303030303033,
      0.47285353535353536,
      0.5404040404040404,
      0.6079545454545455,
      0.6755050505050506,
      0.7430555555555556,
      0.0,
      0.06755050505050506,
      0.1351010101010101,
      0.20265151515151517,
      0.2702020202020202,
      0.3377525252525253,
      0.40530303030303033,
      0.47285353535353536,
      0.5404040404040404,
      0.6079545454545455,
      0.6755050505050506,
      0.7430555555555556,
      0.0,
      0.06755050505050506,
      0.1351010101010101,
      0.20265151515151517,
      0.2702020202020202,
      0.3377525252525253,
      0.40530303030303033,
      0.47285353535353536,
      0.5404040404040404,
      0.6079545454545455,
      0.6755050505050506,
      0.7430555555555556
    ],
    "TaskName": "restingstate",
    "TotalReadoutTime": 0.024699802401580786,
    "UsePhilipsFloatNotDisplayScaling": 1,
    "acq_id": "mb3",
    "dataset": "ds002785",
    "modality": "bold",
    "subject_id": "0153",
    "task_id": "restingstate"
  },
  "dummy_trs": 0,
  "dvars_nstd": 28.04640421133611,
  "dvars_std": 1.0524401036743205,
  "dvars_vstd": 0.9976931889144045,
  "efc": 0.43619623085014153,
  "fber": 154921.6875,
  "fd_mean": 0.1491465422473561,
  "fd_num": 81,
  "fd_perc": 16.875,
  "fwhm_avg": 1.8837005132932931,
  "fwhm_x": 1.8613533333333334,
  "fwhm_y": 2.078396666666667,
  "fwhm_z": 1.7113515398798789,
  "gcor": 0.0149354,
  "gsr_x": -0.020183688029646873,
  "gsr_y": 0.02075994946062565,
  "provenance": {
    "md5sum": "825178ebbb2679fafc3a66677fd2ea8f",
    "settings": {
      "fd_thres": 0.2,
      "testing": false
    },
    "software": "mriqc",
    "version": "22.0.0rc1",
    "webapi_port": null,
    "webapi_url": "https://mriqc.nimh.nih.gov/api/v1"
  },
  "size_t": 480,
  "size_x": 80,
  "size_y": 80,
  "size_z": 36,
  "snr": 6.510398483812869,
  "spacing_tr": 0.75,
  "spacing_x": 3.0,
  "spacing_y": 3.0,
  "spacing_z": 3.299999952316284,
  "summary_bg_k": 44.740976744149684,
  "summary_bg_mad": 52.28679204912646,
  "summary_bg_mean": 486.6883239746094,
  "summary_bg_median": 41.74187088012695,
  "summary_bg_n": 155616.0,
  "summary_bg_p05": 1.54313263297081,
  "summary_bg_p95": 2668.4241943359375,
  "summary_bg_stdv": 1359.3392333984375,
  "summary_fg_k": 0.7825686574551676,
  "summary_fg_mad": 2484.6813303783333,
  "summary_fg_mean": 16923.208984375,
  "summary_fg_median": 16796.69921875,
  "summary_fg_n": 34328.0,
  "summary_fg_p05": 12987.02177734375,
  "summary_fg_p95": 21298.216601562497,
  "summary_fg_stdv": 2579.942626953125,
  "tsnr": 39.48604202270508
}