{
  "aor": 0.0020041975308641977,
  "aqi": 0.007791599876543209,
  "bids_meta": {
    "AcquisitionNumber": 8,
    "BidsifyVersion": "0.3.5",
    "ConversionSoftware": "dcm2niix",
    "ConversionSoftwareVersion": "v1.0.20181125  GCC6.3.0",
    "EchoTime": 0.02762,
    "EffectiveEchoSpacing": 0.0006621159151938905,
    "ImageComments": "piop",
    "ImageOrientationPatientDICOM": [
      0.998442,
      -0.0364721,
      0.0422186,
      0.0409743,
      0.992951,
      -0.111219
    ],
    "Manufacturer": "Philips",
    "NumberOfVolumesDiscardedByScanner": 2,
    "ParallelAcquisitionTechnique": "SENSE",
    "ParallelReductionFactorInPlane": 2,
    "PatientPosition": "HFS",
    "PhaseEncodingDirection": "j",
    "PhilipsRescaleIntercept": 0,
    "PhilipsRescaleSlope": 0.79731,
    "PhilipsScaleSlope": 0.0620303,
    "ProtocolName": "WIPpiopwmSENSE",
    "PulseSequenceType": "gradient echo EPI",
    "ReconMatrixPE": 80,
    "RepetitionTime": 2,
    "SeriesDescription": "ImageMRSERIES",
    "SeriesNumber": 8,
    "SliceEncodingDirection": "k",
    "SliceTiming": [
      0.0,
      0.0541,
      0.1081,
      0.1622,
      0.2162,
      0.2703,
      0.3243,
      0.3784,
      0.4324,
      0.4865,
      0.5405,
      0.5946,
      0.6486,
      0.7027,
      0.7568,
      0.8108,
      0.8649,
      0.9189,
      0.973,
      1.027,
      1.0811,
      1.1351,
      1.1892,
      1.2432,
      1.2973,
      1.3514,
      1.4054,
      1.4595,
      1.5135,
      1.5676,
      1.6216,
      1.6757,
      1.7297,
      1.7838,
      1.8378,
      1.8919,
      1.9459
    ],
    "TaskName": "workingmemory",
    "TotalReadoutTime": 0.025822520692561732,
    "UsePhilipsFloatNotDisplayScaling": 1,
    "acq_id": "seq",
    "dataset": "ds002785",
    "modality": "bold",
    "subject_id": "0153",
    "task_id": "workingmemory"
  },
  "dummy_trs": 0,
  "dvars_nstd": 22.812188427204955,
  "dvars_std": 1.1691361742857143,
  "dvars_vstd": 0.9858026859627324,
  "efc": 0.4306202595186215,
  "fber": 164704.40625,
  "fd_mean": 0.17015821107281182,
  "fd_num": 34,
  "fd_perc": 20.987654320987655,
  "fwhm_avg": 1.8066618263084984,
  "fwhm_x": 1.7633433333333333,
  "fwhm_y": 1.9693966666666667,
  "fwhm_z": 1.6872454789254951,
  "gcor": 0.0204196,
  "gsr_x": -0.019456131383776665,
  "gsr_y": 0.023212257772684097,
  "provenance": {
    "md5sum": "2d2b56dbdbe99ec385525aa44e1c9737",
    "settings": {
      "fd_thres": 0.2,
      "testing": false
    },
    "software": "mriqc",
    "version": "22.0.0rc1",
    "webapi_port": null,
    "webapi_url": "https://mriqc.nimh.nih.gov/api/v1"
  },
  "size_t": 162,
  "size_x": 80,
  "size_y": 80,
  "size_z": 37,
  "snr": 5.496166773891666,
  "spacing_tr": 2.0,
  "spacing_x": 3.0,
  "spacing_y": 3.0,
  "spacing_z": 3.299999952316284,
  "summary_bg_k": 62.78135258514929,
  "summary_bg_mad": 56.81295106244898,
  "summary_bg_mean": 621.0421142578125,
  "summary_bg_median": 52.28141784667969,
  "summary_bg_n": 160508.0,
  "summary_bg_p05": 2.9106813788414003,
  "summary_bg_p95": 3498.7739746093735,
  "summary_bg_stdv": 1845.24609375,
  "summary_fg_k": 1.7707030871058533,
  "summary_fg_mad": 3728.405781769001,
  "summary_fg_mean": 22228.193359375,
  "summary_fg_median": 21771.533203125,
  "summary_fg_n": 35169.0,
  "summary_fg_p05": 16741.71953125,
  "summary_fg_p95": 28880.506640625,
  "summary_fg_stdv": 3961.1650390625,
  "tsnr": 62.841827392578125
}