{
  "aor": 0.0018395454545454544,
  "aqi": 0.013661738424242424,
  "bids_meta": {
    "AcquisitionNumber": 2,
    "BidsifyVersion": "0.3.5",
    "ConversionSoftware": "dcm2niix",
    "ConversionSoftwareVersion": "v1.0.20181125  GCC6.3.0",
    "EchoTime": 0.02762,
    "EffectiveEchoSpacing": 0.0006333282667071997,
    "ImageComments": "piop",
    "ImageOrientationPatientDICOM": [
      0.998442,
      -0.0364721,
      0.0422186,
      0.0409743,
      0.992951,
      -0.111219
    ],
    "Manufacturer": "Philips",
    "NumberOfVolumesDiscardedByScanner": 2,
    "ParallelAcquisitionTechnique": "SENSE",
    "ParallelReductionFactorInPlane": 2,
    "PatientPosition": "HFS",
    "PhaseEncodingDirection": "j",
    "PhilipsRescaleIntercept": 0,
    "PhilipsRescaleSlope": 0.74945,
    "PhilipsScaleSlope": 0.0952299,
    "ProtocolName": "WIPpiopfacesSENSE",
    "PulseSequenceType": "gradient echo EPI",
    "ReconMatrixPE": 80,
    "RepetitionTime": 0.75,
    "SeriesDescription": "ImageMRSERIES",
    "SeriesNumber": 2,
    "SliceEncodingDirection": "k",
    "SliceTiming": [
      0.0,
      0.06755050505050506,
      0.1351010101010101,
      0.20265151515151517,
      0.2702020202020202,
      0.3377525252525253,
      0.40530303030303033,
      0.47285353535353536,
      0.5404040404040404,
      0.6079545454545455,
      0.6755050505050506,
      0.7430555555555556,
      0.0,
      0.06755050505050506,
      0.1351010101010101,
      0.20265151515151517,
      0.2702020202020202,
      0.3377525252525253,
      0.40530303030303033,
      0.47285353535353536,
      0.5404040404040404,
      0.6079545454545455,
      0.6755050505050506,
      0.7430555555555556,
      0.0,
      0.06755050505050506,
      0.1351010101010101,
      0.20265151515151517,
      0.2702020202020202,
      0.3377525252525253,
      0.40530303030303033,
      0.47285353535353536,
      0.5404040404040404,
      0.6079545454545455,
      0.6755050505050506,
      0.7430555555555556
    ],
    "TaskName": "faces",
    "TotalReadoutTime": 0.024699802401580786,
    "UsePhilipsFloatNotDisplayScaling": 1,
    "acq_id": "mb3",
    "dataset": "ds002785",
    "modality": "bold",
    "subject_id": "0153",
    "task_id": "faces"
  },
  "dummy_trs": 0,
  "dvars_nstd": 26.89180515030396,
  "dvars_std": 1.0568536924620064,
  "dvars_vstd": 1.0116352053191489,
  "efc": 0.4349119337770431,
  "fber": 171147.578125,
  "fd_mean": 0.13434129092920774,
  "fd_num": 31,
  "fd_perc": 9.393939393939394,
  "fwhm_avg": 1.9322047562138287,
  "fwhm_x": 1.8705133333333333,
  "fwhm_y": 2.11171,
  "fwhm_z": 1.8143909353081522,
  "gcor": 0.0154432,
  "gsr_x": -0.01971163973212242,
  "gsr_y": 0.01909789815545082,
  "provenance": {
    "md5sum": "1e0db458ce87cc2fe6d24b1aff63e85b",
    "settings": {
      "fd_thres": 0.2,
      "testing": false
    },
    "software": "mriqc",
    "version": "22.0.0rc1",
    "webapi_port": null,
    "webapi_url": "https://mriqc.nimh.nih.gov/api/v1"
  },
  "size_t": 330,
  "size_x": 80,
  "size_y": 80,
  "size_z": 36,
  "snr": 6.528229086333344,
  "spacing_tr": 0.75,
  "spacing_x": 3.0,
  "spacing_y": 3.0,
  "spacing_z": 3.299999952316284,
  "summary_bg_k": 44.53620435447239,
  "summary_bg_mad": 50.87229480571076,
  "summary_bg_mean": 490.3443603515625,
  "summary_bg_median": 41.184837341308594,
  "summary_bg_n": 155672.0,
  "summary_bg_p05": 1.5855549156665802,
  "summary_bg_p95": 2661.468176269524,
  "summary_bg_stdv": 1385.3431396484375,
  "summary_fg_k": 0.587608046271153,
  "summary_fg_mad": 2574.118874853565,
  "summary_fg_mean": 17475.177734375,
  "summary_fg_median": 17337.35546875,
  "summary_fg_n": 34219.0,
  "summary_fg_p05": 13394.7572265625,
  "summary_fg_p95": 21994.43671875,
  "summary_fg_stdv": 2655.712890625,
  "tsnr": 43.084930419921875
}