{
  "bids_meta": {
    "AcquisitionNumber": 4,
    "BidsifyVersion": "0.3.5",
    "ConversionSoftware": "dcm2niix",
    "ConversionSoftwareVersion": "v1.0.20181125  GCC6.3.0",
    "EchoTime": 0.00381,
    "ImageComments": "piop",
    "ImageOrientationPatientDICOM": [
      0.998299,
      0.0509478,
      -0.0283539,
      -0.0544154,
      0.988765,
      -0.139219
    ],
    "Manufacturer": "Philips",
    "PatientPosition": "HFS",
    "PhilipsRescaleIntercept": 0,
    "PhilipsRescaleSlope": 8.58071,
    "PhilipsScaleSlope": 0.00683458,
    "ProtocolName": "WIPt13dSENSE",
    "ReconMatrixPE": 240,
    "RepetitionTime": 0.008288,
    "SeriesDescription": "ImageMRSERIES",
    "SeriesNumber": 4,
    "UsePhilipsFloatNotDisplayScaling": 1,
    "dataset": "ds002785",
    "modality": "T1w",
    "subject_id": "0185"
  },
  "cjv": 0.34376823665127776,
  "cnr": 3.6461228516005884,
  "efc": 0.7692454648128109,
  "fber": 508.3992614746094,
  "fwhm_avg": 3.4744601345400095,
  "fwhm_x": 3.455420205959094,
  "fwhm_y": 3.65176,
  "fwhm_z": 3.3162001976609345,
  "icvs_csf": 0.22951545611168425,
  "icvs_gm": 0.3991524705453632,
  "icvs_wm": 0.3713320733429526,
  "inu_med": 1.8163024187088013,
  "inu_range": 0.448553144931793,
  "provenance": {
    "md5sum": "9006fcc8537182b69f1354a528c68b96",
    "settings": {
      "testing": false
    },
    "software": "mriqc",
    "version": "22.0.0rc1",
    "warnings": {
      "large_rot_frame": true,
      "small_air_mask": true
    },
    "webapi_port": null,
    "webapi_url": "https://mriqc.nimh.nih.gov/api/v1"
  },
  "qi_1": 0.0,
  "qi_2": 0.0001873497132466085,
  "rpve_csf": 24.60043709206374,
  "rpve_gm": 14.170002781514848,
  "rpve_wm": 20.225167274133778,
  "size_x": 240,
  "size_y": 240,
  "size_z": 220,
  "snr_csf": 4.2356922682815865,
  "snr_gm": 7.821478835637084,
  "snr_total": 10.917936314326079,
  "snr_wm": 20.696637839059566,
  "snrd_csf": 31.02948133877442,
  "snrd_gm": 50.868418283829655,
  "snrd_total": 53.467592506969446,
  "snrd_wm": 78.50487789830426,
  "spacing_x": 0.9999999403953552,
  "spacing_y": 1.0,
  "spacing_z": 0.9999999403953552,
  "summary_bg_k": 164.9186963280369,
  "summary_bg_mad": 8.344984923237677,
  "summary_bg_mean": 11.707935333251953,
  "summary_bg_median": 11.215044021606445,
  "summary_bg_n": 155143.0,
  "summary_bg_p05": 0.0,
  "summary_bg_p95": 28.899094009399413,
  "summary_bg_stdv": 11.16702938079834,
  "summary_csf_k": 1.7110262699694712,
  "summary_csf_mad": 67.53016019244892,
  "summary_csf_mean": 373.57684326171875,
  "summary_csf_median": 395.2467956542969,
  "summary_csf_n": 5307.0,
  "summary_csf_p05": 174.1283935546875,
  "summary_csf_p95": 488.6787658691406,
  "summary_csf_stdv": 93.30459594726562,
  "summary_gm_k": 0.4471973460740437,
  "summary_gm_mad": 77.53274817016826,
  "summary_gm_mean": 651.0281372070312,
  "summary_gm_median": 647.9508666992188,
  "summary_gm_n": 16489.0,
  "summary_gm_p05": 520.4408447265625,
  "summary_gm_p95": 793.0273315429686,
  "summary_gm_stdv": 82.8399887084961,
  "summary_wm_k": 1.0629920292885942,
  "summary_wm_mad": 43.483029079906366,
  "summary_wm_mean": 998.7264404296875,
  "summary_wm_median": 999.9780883789062,
  "summary_wm_n": 210567.0,
  "summary_wm_p05": 918.155908203125,
  "summary_wm_p95": 1074.764501953125,
  "summary_wm_stdv": 48.315853118896484,
  "tpm_overlap_csf": 0.14362992346286774,
  "tpm_overlap_gm": 0.4141935110092163,
  "tpm_overlap_wm": 0.48677513003349304,
  "wm2max": 0.6842209483521441
}