{
  "aor": 0.00311365,
  "aqi": 0.0059569253499999995,
  "bids_meta": {
    "AcquisitionNumber": 9,
    "BidsifyVersion": "0.3.5",
    "ConversionSoftware": "dcm2niix",
    "ConversionSoftwareVersion": "v1.0.20181125  GCC6.3.0",
    "EchoTime": 0.02762,
    "EffectiveEchoSpacing": 0.0006621159151938905,
    "ImageComments": "PIOP",
    "ImageOrientationPatientDICOM": [
      0.999383,
      -0.0118446,
      0.0330671,
      0.0150017,
      0.995179,
      -0.0969238
    ],
    "Manufacturer": "Philips",
    "NumberOfVolumesDiscardedByScanner": 2,
    "ParallelAcquisitionTechnique": "SENSE",
    "ParallelReductionFactorInPlane": 2,
    "PatientPosition": "HFS",
    "PhaseEncodingDirection": "j",
    "PhilipsRescaleIntercept": 0,
    "PhilipsRescaleSlope": 0.77338,
    "PhilipsScaleSlope": 0.0556154,
    "ProtocolName": "WIPpiopanticipatieSENSE",
    "PulseSequenceType": "gradient echo EPI",
    "ReconMatrixPE": 80,
    "RepetitionTime": 2,
    "SeriesDescription": "ImageMRSERIES",
    "SeriesNumber": 9,
    "SliceEncodingDirection": "k",
    "SliceTiming": [
      0.0,
      0.0541,
      0.1081,
      0.1622,
      0.2162,
      0.2703,
      0.3243,
      0.3784,
      0.4324,
      0.4865,
      0.5405,
      0.5946,
      0.6486,
      0.7027,
      0.7568,
      0.8108,
      0.8649,
      0.9189,
      0.973,
      1.027,
      1.0811,
      1.1351,
      1.1892,
      1.2432,
      1.2973,
      1.3514,
      1.4054,
      1.4595,
      1.5135,
      1.5676,
      1.6216,
      1.6757,
      1.7297,
      1.7838,
      1.8378,
      1.8919,
      1.9459
    ],
    "TaskName": "anticipation",
    "TotalReadoutTime": 0.025822520692561732,
    "UsePhilipsFloatNotDisplayScaling": 1,
    "acq_id": "seq",
    "dataset": "ds002785",
    "modality": "bold",
    "subject_id": "0111",
    "task_id": "anticipation"
  },
  "dummy_trs": 0,
  "dvars_nstd": 21.56727336060301,
  "dvars_std": 1.2457028392964822,
  "dvars_vstd": 1.0216038067839193,
  "efc": 0.4052762080026772,
  "fber": 160834.84375,
  "fd_mean": 0.12427317145521381,
  "fd_num": 25,
  "fd_perc": 12.5,
  "fwhm_avg": 1.884894351907289,
  "fwhm_x": 1.8536033333333333,
  "fwhm_y": 2.041943333333333,
  "fwhm_z": 1.7591363890551999,
  "gcor": 0.0216421,
  "gsr_x": -0.01720229536294937,
  "gsr_y": 0.011135268956422806,
  "provenance": {
    "md5sum": "31502f66cf2d37d5f1abd8bde3a8a883",
    "settings": {
      "fd_thres": 0.2,
      "testing": false
    },
    "software": "mriqc",
    "version": "22.0.0rc1",
    "webapi_port": null,
    "webapi_url": "https://mriqc.nimh.nih.gov/api/v1"
  },
  "size_t": 200,
  "size_x": 80,
  "size_y": 80,
  "size_z": 37,
  "snr": 4.947797800889099,
  "spacing_tr": 2.0,
  "spacing_x": 3.0,
  "spacing_y": 3.0,
  "spacing_z": 3.299999952316284,
  "summary_bg_k": 59.31526093773384,
  "summary_bg_mad": 61.52713806050951,
  "summary_bg_mean": 570.1788940429688,
  "summary_bg_median": 61.47150421142578,
  "summary_bg_n": 164067.0,
  "summary_bg_p05": 4.757575607299806,
  "summary_bg_p95": 2877.235766601558,
  "summary_bg_stdv": 1860.491455078125,
  "summary_fg_k": 1.4234289933416102,
  "summary_fg_mad": 4738.079610377251,
  "summary_fg_mean": 25887.642578125,
  "summary_fg_median": 25265.431640625,
  "summary_fg_n": 32092.0,
  "summary_fg_p05": 18804.1439453125,
  "summary_fg_p95": 34658.82753906248,
  "summary_fg_stdv": 5106.31982421875,
  "tsnr": 71.09737396240234
}