{
  "aor": 0.0018508571428571432,
  "aqi": 0.0038417835102040818,
  "bids_meta": {
    "AcquisitionNumber": 3,
    "BidsifyVersion": "0.3.5",
    "ConversionSoftware": "dcm2niix",
    "ConversionSoftwareVersion": "v1.0.20181125  GCC6.3.0",
    "EchoTime": 0.02762,
    "EffectiveEchoSpacing": 0.0006621159151938905,
    "ImageComments": "PIOP",
    "ImageOrientationPatientDICOM": [
      0.999383,
      -0.0118446,
      0.0330671,
      0.0150017,
      0.995179,
      -0.0969238
    ],
    "Manufacturer": "Philips",
    "NumberOfVolumesDiscardedByScanner": 2,
    "ParallelAcquisitionTechnique": "SENSE",
    "ParallelReductionFactorInPlane": 2,
    "PatientPosition": "HFS",
    "PhaseEncodingDirection": "j",
    "PhilipsRescaleIntercept": 0,
    "PhilipsRescaleSlope": 0.78877,
    "PhilipsScaleSlope": 0.0515079,
    "ProtocolName": "WIPpiopgstroopSENSE",
    "PulseSequenceType": "gradient echo EPI",
    "ReconMatrixPE": 80,
    "RepetitionTime": 2,
    "SeriesDescription": "ImageMRSERIES",
    "SeriesNumber": 3,
    "SliceEncodingDirection": "k",
    "SliceTiming": [
      0.0,
      0.0541,
      0.1081,
      0.1622,
      0.2162,
      0.2703,
      0.3243,
      0.3784,
      0.4324,
      0.4865,
      0.5405,
      0.5946,
      0.6486,
      0.7027,
      0.7568,
      0.8108,
      0.8649,
      0.9189,
      0.973,
      1.027,
      1.0811,
      1.1351,
      1.1892,
      1.2432,
      1.2973,
      1.3514,
      1.4054,
      1.4595,
      1.5135,
      1.5676,
      1.6216,
      1.6757,
      1.7297,
      1.7838,
      1.8378,
      1.8919,
      1.9459
    ],
    "TaskName": "gstroop",
    "TotalReadoutTime": 0.025822520692561732,
    "UsePhilipsFloatNotDisplayScaling": 1,
    "acq_id": "seq",
    "dataset": "ds002785",
    "modality": "bold",
    "subject_id": "0111",
    "task_id": "gstroop"
  },
  "dummy_trs": 0,
  "dvars_nstd": 22.07124096827871,
  "dvars_std": 1.2748541643032785,
  "dvars_vstd": 1.010763838565574,
  "efc": 0.4060720471648016,
  "fber": 163612.34375,
  "fd_mean": 0.09758310220928654,
  "fd_num": 8,
  "fd_perc": 3.2653061224489797,
  "fwhm_avg": 1.8873100085684589,
  "fwhm_x": 1.8429266666666668,
  "fwhm_y": 2.040036666666667,
  "fwhm_z": 1.778966692372043,
  "gcor": 0.0315893,
  "gsr_x": -0.01777334325015545,
  "gsr_y": 0.01092697586864233,
  "provenance": {
    "md5sum": "b6c9108cf164611ca5e4361f26bf6bf6",
    "settings": {
      "fd_thres": 0.2,
      "testing": false
    },
    "software": "mriqc",
    "version": "22.0.0rc1",
    "webapi_port": null,
    "webapi_url": "https://mriqc.nimh.nih.gov/api/v1"
  },
  "size_t": 245,
  "size_x": 80,
  "size_y": 80,
  "size_z": 37,
  "snr": 4.881680773536332,
  "spacing_tr": 2.0,
  "spacing_x": 3.0,
  "spacing_y": 3.0,
  "spacing_z": 3.299999952316284,
  "summary_bg_k": 61.234406235143624,
  "summary_bg_mad": 62.80812664725055,
  "summary_bg_mean": 582.4888916015625,
  "summary_bg_median": 62.3838005065918,
  "summary_bg_n": 163819.0,
  "summary_bg_p05": 4.285912418365479,
  "summary_bg_p95": 2888.990356445314,
  "summary_bg_stdv": 1920.491455078125,
  "summary_fg_k": 1.4589347634379326,
  "summary_fg_mad": 4923.218114559409,
  "summary_fg_mean": 26481.734375,
  "summary_fg_median": 25887.78515625,
  "summary_fg_n": 32259.0,
  "summary_fg_p05": 19140.5044921875,
  "summary_fg_p95": 35491.936328125,
  "summary_fg_stdv": 5302.96533203125,
  "tsnr": 83.79328918457031
}