{
  "aor": 0.001025877551020408,
  "aqi": 0.016995732,
  "bids_meta": {
    "AcquisitionNumber": 3,
    "BidsifyVersion": "0.3.5",
    "ConversionSoftware": "dcm2niix",
    "ConversionSoftwareVersion": "v1.0.20181125  GCC6.3.0",
    "EchoTime": 0.02762,
    "EffectiveEchoSpacing": 0.0006621159151938905,
    "ImageComments": "piop",
    "ImageOrientationPatientDICOM": [
      0.990825,
      0.135015,
      -0.00604879,
      -0.134845,
      0.990603,
      0.0228392
    ],
    "Manufacturer": "Philips",
    "NumberOfVolumesDiscardedByScanner": 2,
    "ParallelAcquisitionTechnique": "SENSE",
    "ParallelReductionFactorInPlane": 2,
    "PatientPosition": "HFS",
    "PhaseEncodingDirection": "j",
    "PhilipsRescaleIntercept": 0,
    "PhilipsRescaleSlope": 0.82711,
    "PhilipsScaleSlope": 0.0547229,
    "ProtocolName": "WIPpiopgstroopSENSE",
    "PulseSequenceType": "gradient echo EPI",
    "ReconMatrixPE": 80,
    "RepetitionTime": 2,
    "SeriesDescription": "ImageMRSERIES",
    "SeriesNumber": 3,
    "SliceEncodingDirection": "k",
    "SliceTiming": [
      0.0,
      0.0541,
      0.1081,
      0.1622,
      0.2162,
      0.2703,
      0.3243,
      0.3784,
      0.4324,
      0.4865,
      0.5405,
      0.5946,
      0.6486,
      0.7027,
      0.7568,
      0.8108,
      0.8649,
      0.9189,
      0.973,
      1.027,
      1.0811,
      1.1351,
      1.1892,
      1.2432,
      1.2973,
      1.3514,
      1.4054,
      1.4595,
      1.5135,
      1.5676,
      1.6216,
      1.6757,
      1.7297,
      1.7838,
      1.8378,
      1.8919,
      1.9459
    ],
    "TaskName": "gstroop",
    "TotalReadoutTime": 0.025822520692561732,
    "UsePhilipsFloatNotDisplayScaling": 1,
    "acq_id": "seq",
    "dataset": "ds002785",
    "modality": "bold",
    "subject_id": "0144",
    "task_id": "gstroop"
  },
  "dummy_trs": 0,
  "dvars_nstd": 21.02030250688523,
  "dvars_std": 1.0126052581967215,
  "dvars_vstd": 0.9001958246311472,
  "efc": 0.4351577995442601,
  "fber": 155352.8125,
  "fd_mean": 0.1682666579344873,
  "fd_num": 57,
  "fd_perc": 23.26530612244898,
  "fwhm_avg": 1.9482077864326133,
  "fwhm_x": 1.90018,
  "fwhm_y": 2.1475433333333336,
  "fwhm_z": 1.7969000259645063,
  "gcor": 0.0199393,
  "gsr_x": -0.019630927592515945,
  "gsr_y": 0.020240874961018562,
  "provenance": {
    "md5sum": "d683ee32ac06e04afc56fe1053cb4797",
    "settings": {
      "fd_thres": 0.2,
      "testing": false
    },
    "software": "mriqc",
    "version": "22.0.0rc1",
    "webapi_port": null,
    "webapi_url": "https://mriqc.nimh.nih.gov/api/v1"
  },
  "size_t": 245,
  "size_x": 80,
  "size_y": 80,
  "size_z": 37,
  "snr": 5.231070216771666,
  "spacing_tr": 2.0,
  "spacing_x": 3.0,
  "spacing_y": 3.0,
  "spacing_z": 3.299999952316284,
  "summary_bg_k": 67.44284798288389,
  "summary_bg_mad": 67.88081650920235,
  "summary_bg_mean": 643.8604125976562,
  "summary_bg_median": 63.179931640625,
  "summary_bg_n": 157852.0,
  "summary_bg_p05": 4.354941582679748,
  "summary_bg_p95": 3539.6721557617016,
  "summary_bg_stdv": 1882.3475341796875,
  "summary_fg_k": 2.859338386432447,
  "summary_fg_mad": 4290.650820355212,
  "summary_fg_mean": 26310.59375,
  "summary_fg_median": 25669.35546875,
  "summary_fg_n": 36579.0,
  "summary_fg_p05": 19615.85234375,
  "summary_fg_p95": 34927.421093749996,
  "summary_fg_stdv": 4907.02734375,
  "tsnr": 48.01482009887695
}