{
  "aor": 0.0016997499999999999,
  "aqi": 0.004468694749999999,
  "bids_meta": {
    "AcquisitionNumber": 9,
    "BidsifyVersion": "0.3.5",
    "ConversionSoftware": "dcm2niix",
    "ConversionSoftwareVersion": "v1.0.20181125  GCC6.3.0",
    "EchoTime": 0.02762,
    "EffectiveEchoSpacing": 0.0006621159151938905,
    "ImageComments": "piop",
    "ImageOrientationPatientDICOM": [
      0.990825,
      0.135015,
      -0.00604879,
      -0.134845,
      0.990603,
      0.0228392
    ],
    "Manufacturer": "Philips",
    "NumberOfVolumesDiscardedByScanner": 2,
    "ParallelAcquisitionTechnique": "SENSE",
    "ParallelReductionFactorInPlane": 2,
    "PatientPosition": "HFS",
    "PhaseEncodingDirection": "j",
    "PhilipsRescaleIntercept": 0,
    "PhilipsRescaleSlope": 0.80147,
    "PhilipsScaleSlope": 0.0577474,
    "ProtocolName": "WIPpiopanticipatieSENSE",
    "PulseSequenceType": "gradient echo EPI",
    "ReconMatrixPE": 80,
    "RepetitionTime": 2,
    "SeriesDescription": "ImageMRSERIES",
    "SeriesNumber": 9,
    "SliceEncodingDirection": "k",
    "SliceTiming": [
      0.0,
      0.0541,
      0.1081,
      0.1622,
      0.2162,
      0.2703,
      0.3243,
      0.3784,
      0.4324,
      0.4865,
      0.5405,
      0.5946,
      0.6486,
      0.7027,
      0.7568,
      0.8108,
      0.8649,
      0.9189,
      0.973,
      1.027,
      1.0811,
      1.1351,
      1.1892,
      1.2432,
      1.2973,
      1.3514,
      1.4054,
      1.4595,
      1.5135,
      1.5676,
      1.6216,
      1.6757,
      1.7297,
      1.7838,
      1.8378,
      1.8919,
      1.9459
    ],
    "TaskName": "anticipation",
    "TotalReadoutTime": 0.025822520692561732,
    "UsePhilipsFloatNotDisplayScaling": 1,
    "acq_id": "seq",
    "dataset": "ds002785",
    "modality": "bold",
    "subject_id": "0144",
    "task_id": "anticipation"
  },
  "dummy_trs": 0,
  "dvars_nstd": 23.038625755376877,
  "dvars_std": 1.2302424857788954,
  "dvars_vstd": 1.0019801841708547,
  "efc": 0.43415029067936184,
  "fber": 156093.609375,
  "fd_mean": 0.18119698970074735,
  "fd_num": 67,
  "fd_perc": 33.5,
  "fwhm_avg": 1.9361560694263513,
  "fwhm_x": 1.8560100000000002,
  "fwhm_y": 2.1212066666666667,
  "fwhm_z": 1.8312515416123871,
  "gcor": 0.0396978,
  "gsr_x": -0.019514642655849457,
  "gsr_y": 0.020292168483138084,
  "provenance": {
    "md5sum": "d48126978e2c6cdf915eab79e1e87c24",
    "settings": {
      "fd_thres": 0.2,
      "testing": false
    },
    "software": "mriqc",
    "version": "22.0.0rc1",
    "webapi_port": null,
    "webapi_url": "https://mriqc.nimh.nih.gov/api/v1"
  },
  "size_t": 200,
  "size_x": 80,
  "size_y": 80,
  "size_z": 37,
  "snr": 5.1646594967364985,
  "spacing_tr": 2.0,
  "spacing_x": 3.0,
  "spacing_y": 3.0,
  "spacing_z": 3.299999952316284,
  "summary_bg_k": 65.97493203943637,
  "summary_bg_mad": 66.66137725906043,
  "summary_bg_mean": 655.97900390625,
  "summary_bg_median": 62.42539596557617,
  "summary_bg_n": 158339.0,
  "summary_bg_p05": 3.591105675697327,
  "summary_bg_p95": 3739.872119140629,
  "summary_bg_stdv": 1881.197021484375,
  "summary_fg_k": 2.855466312984756,
  "summary_fg_mad": 4336.35666687258,
  "summary_fg_mean": 26182.763671875,
  "summary_fg_median": 25557.3359375,
  "summary_fg_n": 36376.0,
  "summary_fg_p05": 19395.92236328125,
  "summary_fg_p95": 34753.7900390625,
  "summary_fg_stdv": 4948.435546875,
  "tsnr": 75.06034088134766
}