{
  "bids_meta": {
    "AcquisitionNumber": 4,
    "BidsifyVersion": "0.3.5",
    "ConversionSoftware": "dcm2niix",
    "ConversionSoftwareVersion": "v1.0.20181125  GCC6.3.0",
    "EchoTime": 0.00377,
    "ImageComments": "Piop",
    "ImageOrientationPatientDICOM": [
      0.998424,
      0.0538745,
      -0.015708,
      -0.0547718,
      0.996461,
      -0.0637676
    ],
    "Manufacturer": "Philips",
    "PatientPosition": "HFS",
    "PhilipsRescaleIntercept": 0,
    "PhilipsRescaleSlope": 9.02491,
    "PhilipsScaleSlope": 0.00725918,
    "ProtocolName": "WIPt13dSENSE",
    "ReconMatrixPE": 240,
    "RepetitionTime": 0.008194,
    "SeriesDescription": "ImageMRSERIES",
    "SeriesNumber": 4,
    "UsePhilipsFloatNotDisplayScaling": 1,
    "dataset": "ds002785",
    "modality": "T1w",
    "subject_id": "0002"
  },
  "cjv": 0.32348391579343005,
  "cnr": 3.865900825052971,
  "efc": 0.7679765530417711,
  "fber": 1766.431640625,
  "fwhm_avg": 3.57784,
  "fwhm_x": 3.59214,
  "fwhm_y": 3.70241,
  "fwhm_z": 3.43897,
  "icvs_csf": 0.20777683501588792,
  "icvs_gm": 0.41115610070365166,
  "icvs_wm": 0.38106706428046044,
  "inu_med": 1.693434238433838,
  "inu_range": 0.47231695055961587,
  "provenance": {
    "md5sum": "d36abd61a8b963c3fc8f4dba9e56d808",
    "settings": {
      "testing": false
    },
    "software": "mriqc",
    "version": "22.0.0rc1",
    "warnings": {
      "large_rot_frame": true,
      "small_air_mask": true
    },
    "webapi_port": null,
    "webapi_url": "https://mriqc.nimh.nih.gov/api/v1"
  },
  "qi_1": 0.0,
  "qi_2": 0.000342505375649938,
  "rpve_csf": 25.87038154947946,
  "rpve_gm": 13.75576582881895,
  "rpve_wm": 19.173318517052678,
  "size_x": 240,
  "size_y": 240,
  "size_z": 220,
  "snr_csf": 3.651014346237581,
  "snr_gm": 7.862871920807265,
  "snr_total": 10.714460227656943,
  "snr_wm": 20.62949441592598,
  "snrd_csf": 26.15480180128999,
  "snrd_gm": 46.840066100928496,
  "snrd_total": 48.9465891646625,
  "snrd_wm": 73.84489959176902,
  "spacing_x": 1.0,
  "spacing_y": 1.0,
  "spacing_z": 1.0,
  "summary_bg_k": 8.230708243735648,
  "summary_bg_mad": 8.871652675042181,
  "summary_bg_mean": 11.266746520996094,
  "summary_bg_median": 11.97237777709961,
  "summary_bg_n": 125088.0,
  "summary_bg_p05": 0.0,
  "summary_bg_p95": 30.28637180328369,
  "summary_bg_stdv": 9.550431251525879,
  "summary_csf_k": 3.3361388121272855,
  "summary_csf_mad": 82.29822298291552,
  "summary_csf_mean": 349.4195251464844,
  "summary_csf_median": 354.18017578125,
  "summary_csf_n": 4868.0,
  "summary_csf_p05": 161.06287155151367,
  "summary_csf_p95": 492.5119979858396,
  "summary_csf_stdv": 96.99874114990234,
  "summary_gm_k": 0.3859223550445008,
  "summary_gm_mad": 74.69667418761308,
  "summary_gm_mean": 637.5263671875,
  "summary_gm_median": 634.2935791015625,
  "summary_gm_n": 15523.0,
  "summary_gm_p05": 510.4879119873047,
  "summary_gm_p95": 778.9577087402344,
  "summary_gm_stdv": 80.66685485839844,
  "summary_wm_k": 1.0177061052879255,
  "summary_wm_mad": 43.59849541479486,
  "summary_wm_mean": 998.12744140625,
  "summary_wm_median": 999.984619140625,
  "summary_wm_n": 221966.0,
  "summary_wm_p05": 915.4834289550781,
  "summary_wm_p95": 1073.5724182128906,
  "summary_wm_stdv": 48.47343063354492,
  "tpm_overlap_csf": 0.15657472610473633,
  "tpm_overlap_gm": 0.4325225353240967,
  "tpm_overlap_wm": 0.5009515285491943,
  "wm2max": 0.6939768959925134
}