{
  "bids_meta": {
    "AcquisitionNumber": 4,
    "BidsifyVersion": "0.3.5",
    "ConversionSoftware": "dcm2niix",
    "ConversionSoftwareVersion": "v1.0.20181125  GCC6.3.0",
    "EchoTime": 0.00374,
    "ImageComments": "piop",
    "ImageOrientationPatientDICOM": [
      0.999367,
      0.0254935,
      0.0247975,
      -0.024075,
      0.998145,
      -0.0559121
    ],
    "Manufacturer": "Philips",
    "PatientPosition": "HFS",
    "PhilipsRescaleIntercept": 0,
    "PhilipsRescaleSlope": 8.90549,
    "PhilipsScaleSlope": 0.00720214,
    "ProtocolName": "WIPt13dSENSE",
    "ReconMatrixPE": 240,
    "RepetitionTime": 0.008165,
    "SeriesDescription": "ImageMRSERIES",
    "SeriesNumber": 4,
    "UsePhilipsFloatNotDisplayScaling": 1,
    "dataset": "ds002785",
    "modality": "T1w",
    "subject_id": "0061"
  },
  "cjv": 0.2924876162488392,
  "cnr": 4.427674366983367,
  "efc": 0.7674547689813697,
  "fber": 740.6539916992188,
  "fwhm_avg": 3.5584365131986324,
  "fwhm_x": 3.46354,
  "fwhm_y": 3.8621495395958974,
  "fwhm_z": 3.34962,
  "icvs_csf": 0.1657399925998671,
  "icvs_gm": 0.4697739180933504,
  "icvs_wm": 0.36448608930678245,
  "inu_med": 1.861188530921936,
  "inu_range": 0.4716565966606139,
  "provenance": {
    "md5sum": "1fe7181ad978a9333c283d132190173b",
    "settings": {
      "testing": false
    },
    "software": "mriqc",
    "version": "22.0.0rc1",
    "warnings": {
      "large_rot_frame": true,
      "small_air_mask": true
    },
    "webapi_port": null,
    "webapi_url": "https://mriqc.nimh.nih.gov/api/v1"
  },
  "qi_1": 0.0,
  "qi_2": 0.0002975985214060412,
  "rpve_csf": 33.24020475327653,
  "rpve_gm": 13.82684665544316,
  "rpve_wm": 20.961961758719454,
  "size_x": 240,
  "size_y": 240,
  "size_z": 220,
  "snr_csf": 1.9902254250585267,
  "snr_gm": 7.805169686568233,
  "snr_total": 9.612638828670832,
  "snr_wm": 19.042521374385736,
  "snrd_csf": 19.821435241073353,
  "snrd_gm": 43.77733792730782,
  "snrd_total": 45.92811220717271,
  "snrd_wm": 74.18556345313695,
  "spacing_x": 1.0,
  "spacing_y": 1.0000001192092896,
  "spacing_z": 1.0,
  "summary_bg_k": 23.381555224955438,
  "summary_bg_mad": 8.83085861857153,
  "summary_bg_mean": 12.132280349731445,
  "summary_bg_median": 11.901535034179688,
  "summary_bg_n": 105386.0,
  "summary_bg_p05": 0.0,
  "summary_bg_p95": 30.076072692871094,
  "summary_bg_stdv": 9.832866668701172,
  "summary_csf_k": -0.013245115782776207,
  "summary_csf_mad": 174.5571592989817,
  "summary_csf_mean": 257.65093994140625,
  "summary_csf_median": 267.18145751953125,
  "summary_csf_n": 3702.0,
  "summary_csf_p05": 66.99321746826172,
  "summary_csf_p95": 450.2234115600586,
  "summary_csf_stdv": 134.22869873046875,
  "summary_gm_k": 0.24295052345309598,
  "summary_gm_mad": 72.90088310935114,
  "summary_gm_mean": 594.5932006835938,
  "summary_gm_median": 590.0931396484375,
  "summary_gm_n": 26095.0,
  "summary_gm_p05": 477.4358734130859,
  "summary_gm_p95": 726.3287048339844,
  "summary_gm_stdv": 75.60140991210938,
  "summary_wm_k": 1.0697954543637138,
  "summary_wm_mad": 46.98547774123811,
  "summary_wm_mean": 996.9088134765625,
  "summary_wm_median": 999.9783935546875,
  "summary_wm_n": 187085.0,
  "summary_wm_p05": 905.3832153320312,
  "summary_wm_p95": 1076.697802734375,
  "summary_wm_stdv": 52.512779235839844,
  "tpm_overlap_csf": 0.15690717101097107,
  "tpm_overlap_gm": 0.4443418085575104,
  "tpm_overlap_wm": 0.48651379346847534,
  "wm2max": 0.6975186529375339
}