{
  "aor": 0.00044793939393939386,
  "aqi": 0.009844490969696971,
  "bids_meta": {
    "AcquisitionNumber": 2,
    "BidsifyVersion": "0.3.5",
    "ConversionSoftware": "dcm2niix",
    "ConversionSoftwareVersion": "v1.0.20181125  GCC6.3.0",
    "EchoTime": 0.02762,
    "EffectiveEchoSpacing": 0.0006333282667071997,
    "ImageComments": "Piop",
    "ImageOrientationPatientDICOM": [
      0.997298,
      -0.073341,
      0.00413064,
      0.0706125,
      0.941663,
      -0.329067
    ],
    "Manufacturer": "Philips",
    "NumberOfVolumesDiscardedByScanner": 2,
    "ParallelAcquisitionTechnique": "SENSE",
    "ParallelReductionFactorInPlane": 2,
    "PatientPosition": "HFS",
    "PhaseEncodingDirection": "j",
    "PhilipsRescaleIntercept": 0,
    "PhilipsRescaleSlope": 0.79121,
    "PhilipsScaleSlope": 0.101687,
    "ProtocolName": "WIPpiopfacesSENSE",
    "PulseSequenceType": "gradient echo EPI",
    "ReconMatrixPE": 80,
    "RepetitionTime": 0.75,
    "SeriesDescription": "ImageMRSERIES",
    "SeriesNumber": 2,
    "SliceEncodingDirection": "k",
    "SliceTiming": [
      0.0,
      0.06755050505050506,
      0.1351010101010101,
      0.20265151515151517,
      0.2702020202020202,
      0.3377525252525253,
      0.40530303030303033,
      0.47285353535353536,
      0.5404040404040404,
      0.6079545454545455,
      0.6755050505050506,
      0.7430555555555556,
      0.0,
      0.06755050505050506,
      0.1351010101010101,
      0.20265151515151517,
      0.2702020202020202,
      0.3377525252525253,
      0.40530303030303033,
      0.47285353535353536,
      0.5404040404040404,
      0.6079545454545455,
      0.6755050505050506,
      0.7430555555555556,
      0.0,
      0.06755050505050506,
      0.1351010101010101,
      0.20265151515151517,
      0.2702020202020202,
      0.3377525252525253,
      0.40530303030303033,
      0.47285353535353536,
      0.5404040404040404,
      0.6079545454545455,
      0.6755050505050506,
      0.7430555555555556
    ],
    "TaskName": "faces",
    "TotalReadoutTime": 0.024699802401580786,
    "UsePhilipsFloatNotDisplayScaling": 1,
    "acq_id": "mb3",
    "dataset": "ds002785",
    "modality": "bold",
    "subject_id": "0151",
    "task_id": "faces"
  },
  "dummy_trs": 0,
  "dvars_nstd": 35.50070296525839,
  "dvars_std": 1.2262587948632222,
  "dvars_vstd": 1.008705095227963,
  "efc": 0.45056612197068313,
  "fber": 130513.234375,
  "fd_mean": 0.09777900227433933,
  "fd_num": 4,
  "fd_perc": 1.2121212121212122,
  "fwhm_avg": 1.840159402202251,
  "fwhm_x": 1.8158833333333335,
  "fwhm_y": 1.9890766666666666,
  "fwhm_z": 1.7155182066067522,
  "gcor": 0.00826698,
  "gsr_x": -0.026007363572716713,
  "gsr_y": 0.022332649677991867,
  "provenance": {
    "md5sum": "ecf7b2913556be61e59100e61a996bf3",
    "settings": {
      "fd_thres": 0.2,
      "testing": false
    },
    "software": "mriqc",
    "version": "22.0.0rc1",
    "webapi_port": null,
    "webapi_url": "https://mriqc.nimh.nih.gov/api/v1"
  },
  "size_t": 330,
  "size_x": 80,
  "size_y": 80,
  "size_z": 36,
  "snr": 5.972022180910814,
  "spacing_tr": 0.75,
  "spacing_x": 3.0,
  "spacing_y": 3.0,
  "spacing_z": 3.299999952316284,
  "summary_bg_k": 34.33294056623487,
  "summary_bg_mad": 49.30902988467952,
  "summary_bg_mean": 443.343017578125,
  "summary_bg_median": 44.79102325439453,
  "summary_bg_n": 151422.0,
  "summary_bg_p05": 3.3526304364204407,
  "summary_bg_p95": 2589.592529296875,
  "summary_bg_stdv": 1175.3973388671875,
  "summary_fg_k": 1.6690538153154248,
  "summary_fg_mad": 2548.3420109891467,
  "summary_fg_mean": 16711.853515625,
  "summary_fg_median": 16792.908203125,
  "summary_fg_n": 37108.0,
  "summary_fg_p05": 12057.653466796875,
  "summary_fg_p95": 21092.2740234375,
  "summary_fg_stdv": 2811.89208984375,
  "tsnr": 50.334083557128906
}