{
  "aor": 0.0022908,
  "aqi": 0.0049943911,
  "bids_meta": {
    "AcquisitionNumber": 9,
    "BidsifyVersion": "0.3.5",
    "ConversionSoftware": "dcm2niix",
    "ConversionSoftwareVersion": "v1.0.20181125  GCC6.3.0",
    "EchoTime": 0.02762,
    "EffectiveEchoSpacing": 0.0006621159151938905,
    "ImageComments": "Piop",
    "ImageOrientationPatientDICOM": [
      0.997298,
      -0.073341,
      0.00413064,
      0.0706125,
      0.941663,
      -0.329067
    ],
    "Manufacturer": "Philips",
    "NumberOfVolumesDiscardedByScanner": 2,
    "ParallelAcquisitionTechnique": "SENSE",
    "ParallelReductionFactorInPlane": 2,
    "PatientPosition": "HFS",
    "PhaseEncodingDirection": "j",
    "PhilipsRescaleIntercept": 0,
    "PhilipsRescaleSlope": 0.7663,
    "PhilipsScaleSlope": 0.0669665,
    "ProtocolName": "WIPpiopanticipatieSENSE",
    "PulseSequenceType": "gradient echo EPI",
    "ReconMatrixPE": 80,
    "RepetitionTime": 2,
    "SeriesDescription": "ImageMRSERIES",
    "SeriesNumber": 9,
    "SliceEncodingDirection": "k",
    "SliceTiming": [
      0.0,
      0.0541,
      0.1081,
      0.1622,
      0.2162,
      0.2703,
      0.3243,
      0.3784,
      0.4324,
      0.4865,
      0.5405,
      0.5946,
      0.6486,
      0.7027,
      0.7568,
      0.8108,
      0.8649,
      0.9189,
      0.973,
      1.027,
      1.0811,
      1.1351,
      1.1892,
      1.2432,
      1.2973,
      1.3514,
      1.4054,
      1.4595,
      1.5135,
      1.5676,
      1.6216,
      1.6757,
      1.7297,
      1.7838,
      1.8378,
      1.8919,
      1.9459
    ],
    "TaskName": "anticipation",
    "TotalReadoutTime": 0.025822520692561732,
    "UsePhilipsFloatNotDisplayScaling": 1,
    "acq_id": "seq",
    "dataset": "ds002785",
    "modality": "bold",
    "subject_id": "0151",
    "task_id": "anticipation"
  },
  "dummy_trs": 0,
  "dvars_nstd": 24.816431524723633,
  "dvars_std": 1.303165283668342,
  "dvars_vstd": 1.012990296783919,
  "efc": 0.4473252600300866,
  "fber": 126541.5390625,
  "fd_mean": 0.10842849982216209,
  "fd_num": 7,
  "fd_perc": 3.5,
  "fwhm_avg": 1.7433349574367039,
  "fwhm_x": 1.6902666666666668,
  "fwhm_y": 1.8908866666666666,
  "fwhm_z": 1.6488515389767782,
  "gcor": 0.0210888,
  "gsr_x": -0.024526527151465416,
  "gsr_y": 0.02434082143008709,
  "provenance": {
    "md5sum": "2df035fada1eb971ab2e384331d6b4a6",
    "settings": {
      "fd_thres": 0.2,
      "testing": false
    },
    "software": "mriqc",
    "version": "22.0.0rc1",
    "webapi_port": null,
    "webapi_url": "https://mriqc.nimh.nih.gov/api/v1"
  },
  "size_t": 200,
  "size_x": 80,
  "size_y": 80,
  "size_z": 37,
  "snr": 5.5774552569904765,
  "spacing_tr": 2.0,
  "spacing_x": 3.0,
  "spacing_y": 3.0,
  "spacing_z": 3.299999952316284,
  "summary_bg_k": 41.03765215427077,
  "summary_bg_mad": 59.30413964133174,
  "summary_bg_mean": 582.4337158203125,
  "summary_bg_median": 58.61347198486328,
  "summary_bg_n": 156245.0,
  "summary_bg_p05": 5.806094169616699,
  "summary_bg_p95": 3528.012109374998,
  "summary_bg_stdv": 1581.4892578125,
  "summary_fg_k": 2.1878252414489507,
  "summary_fg_mad": 3403.6695645969457,
  "summary_fg_mean": 21884.720703125,
  "summary_fg_median": 21606.330078125,
  "summary_fg_n": 38009.0,
  "summary_fg_p05": 16140.50390625,
  "summary_fg_p95": 28194.962499999998,
  "summary_fg_stdv": 3873.81787109375,
  "tsnr": 77.99661254882812
}