{
  "aor": 0.0003614405010438413,
  "aqi": 0.009777382400835071,
  "bids_meta": {
    "AcquisitionNumber": 6,
    "BidsifyVersion": "0.3.5",
    "ConversionSoftware": "dcm2niix",
    "ConversionSoftwareVersion": "v1.0.20181125  GCC6.3.0",
    "EchoTime": 0.02762,
    "EffectiveEchoSpacing": 0.0006333282667071997,
    "ImageComments": "Piop",
    "ImageOrientationPatientDICOM": [
      0.997298,
      -0.073341,
      0.00413064,
      0.0706125,
      0.941663,
      -0.329067
    ],
    "Manufacturer": "Philips",
    "NumberOfVolumesDiscardedByScanner": 2,
    "ParallelAcquisitionTechnique": "SENSE",
    "ParallelReductionFactorInPlane": 2,
    "PatientPosition": "HFS",
    "PhaseEncodingDirection": "j",
    "PhilipsRescaleIntercept": 0,
    "PhilipsRescaleSlope": 0.77582,
    "PhilipsScaleSlope": 0.096169,
    "ProtocolName": "WIPpioprsSENSE",
    "PulseSequenceType": "gradient echo EPI",
    "ReconMatrixPE": 80,
    "RepetitionTime": 0.75,
    "SeriesDescription": "ImageMRSERIES",
    "SeriesNumber": 6,
    "SliceEncodingDirection": "k",
    "SliceTiming": [
      0.0,
      0.06755050505050506,
      0.1351010101010101,
      0.20265151515151517,
      0.2702020202020202,
      0.3377525252525253,
      0.40530303030303033,
      0.47285353535353536,
      0.5404040404040404,
      0.6079545454545455,
      0.6755050505050506,
      0.7430555555555556,
      0.0,
      0.06755050505050506,
      0.1351010101010101,
      0.20265151515151517,
      0.2702020202020202,
      0.3377525252525253,
      0.40530303030303033,
      0.47285353535353536,
      0.5404040404040404,
      0.6079545454545455,
      0.6755050505050506,
      0.7430555555555556,
      0.0,
      0.06755050505050506,
      0.1351010101010101,
      0.20265151515151517,
      0.2702020202020202,
      0.3377525252525253,
      0.40530303030303033,
      0.47285353535353536,
      0.5404040404040404,
      0.6079545454545455,
      0.6755050505050506,
      0.7430555555555556
    ],
    "TaskName": "restingstate",
    "TotalReadoutTime": 0.024699802401580786,
    "UsePhilipsFloatNotDisplayScaling": 1,
    "acq_id": "mb3",
    "dataset": "ds002785",
    "modality": "bold",
    "subject_id": "0151",
    "task_id": "restingstate"
  },
  "dummy_trs": 1,
  "dvars_nstd": 34.66782540780334,
  "dvars_std": 1.2109156366736402,
  "dvars_vstd": 1.0044900386820086,
  "efc": 0.4517257708000457,
  "fber": 127133.0546875,
  "fd_mean": 0.09646613778168325,
  "fd_num": 11,
  "fd_perc": 2.2964509394572024,
  "fwhm_avg": 1.8639437457404853,
  "fwhm_x": 1.8362100000000001,
  "fwhm_y": 2.0185333333333335,
  "fwhm_z": 1.7370879038881228,
  "gcor": 0.0100732,
  "gsr_x": -0.02619524672627449,
  "gsr_y": 0.023434020578861237,
  "provenance": {
    "md5sum": "49b06a36f750dbf8bcdac07a174a8ee4",
    "settings": {
      "fd_thres": 0.2,
      "testing": false
    },
    "software": "mriqc",
    "version": "22.0.0rc1",
    "webapi_port": null,
    "webapi_url": "https://mriqc.nimh.nih.gov/api/v1"
  },
  "size_t": 479,
  "size_x": 80,
  "size_y": 80,
  "size_z": 36,
  "snr": 5.899514031312478,
  "spacing_tr": 0.75,
  "spacing_x": 3.0,
  "spacing_y": 3.0,
  "spacing_z": 3.299999952316284,
  "summary_bg_k": 26.867727467759124,
  "summary_bg_mad": 49.390740301671165,
  "summary_bg_mean": 445.9032287597656,
  "summary_bg_median": 45.28741455078125,
  "summary_bg_n": 151208.0,
  "summary_bg_p05": 3.6204546689987187,
  "summary_bg_p95": 2634.9433837890606,
  "summary_bg_stdv": 1157.1019287109375,
  "summary_fg_k": 1.341719585346537,
  "summary_fg_mad": 2630.427354228469,
  "summary_fg_mean": 16749.05078125,
  "summary_fg_median": 16791.4921875,
  "summary_fg_n": 37304.0,
  "summary_fg_p05": 12080.937939453124,
  "summary_fg_p95": 21218.0427734375,
  "summary_fg_stdv": 2846.2119140625,
  "tsnr": 49.07168197631836
}