{
  "aor": 0.0014655555555555557,
  "aqi": 0.005243353259259259,
  "bids_meta": {
    "AcquisitionNumber": 5,
    "BidsifyVersion": "0.3.5",
    "ConversionSoftware": "dcm2niix",
    "ConversionSoftwareVersion": "v1.0.20181125  GCC6.3.0",
    "EchoTime": 0.02762,
    "EffectiveEchoSpacing": 0.0006621159151938905,
    "ImageComments": "Piop",
    "ImageOrientationPatientDICOM": [
      0.997298,
      -0.073341,
      0.00413064,
      0.0706125,
      0.941663,
      -0.329067
    ],
    "Manufacturer": "Philips",
    "NumberOfVolumesDiscardedByScanner": 2,
    "ParallelAcquisitionTechnique": "SENSE",
    "ParallelReductionFactorInPlane": 2,
    "PatientPosition": "HFS",
    "PhaseEncodingDirection": "j",
    "PhilipsRescaleIntercept": 0,
    "PhilipsRescaleSlope": 0.83639,
    "PhilipsScaleSlope": 0.0609247,
    "ProtocolName": "WIPpiopharririSENSE",
    "PulseSequenceType": "gradient echo EPI",
    "ReconMatrixPE": 80,
    "RepetitionTime": 2,
    "SeriesDescription": "ImageMRSERIES",
    "SeriesNumber": 5,
    "SliceEncodingDirection": "k",
    "SliceTiming": [
      0.0,
      0.0541,
      0.1081,
      0.1622,
      0.2162,
      0.2703,
      0.3243,
      0.3784,
      0.4324,
      0.4865,
      0.5405,
      0.5946,
      0.6486,
      0.7027,
      0.7568,
      0.8108,
      0.8649,
      0.9189,
      0.973,
      1.027,
      1.0811,
      1.1351,
      1.1892,
      1.2432,
      1.2973,
      1.3514,
      1.4054,
      1.4595,
      1.5135,
      1.5676,
      1.6216,
      1.6757,
      1.7297,
      1.7838,
      1.8378,
      1.8919,
      1.9459
    ],
    "TaskName": "emomatching",
    "TotalReadoutTime": 0.025822520692561732,
    "UsePhilipsFloatNotDisplayScaling": 1,
    "acq_id": "seq",
    "dataset": "ds002785",
    "modality": "bold",
    "subject_id": "0151",
    "task_id": "emomatching"
  },
  "dummy_trs": 0,
  "dvars_nstd": 24.583860141492536,
  "dvars_std": 1.3055018781343282,
  "dvars_vstd": 1.0013013717164179,
  "efc": 0.4456556600110032,
  "fber": 126568.4140625,
  "fd_mean": 0.09649826419539073,
  "fd_num": 1,
  "fd_perc": 0.7407407407407407,
  "fwhm_avg": 1.7938925334015803,
  "fwhm_x": 1.7524133333333334,
  "fwhm_y": 1.9373733333333334,
  "fwhm_z": 1.6918909335380747,
  "gcor": 0.0174869,
  "gsr_x": -0.02493906579911709,
  "gsr_y": 0.023493420332670212,
  "provenance": {
    "md5sum": "aea68eb0aadff784ee122c04b2a073fa",
    "settings": {
      "fd_thres": 0.2,
      "testing": false
    },
    "software": "mriqc",
    "version": "22.0.0rc1",
    "webapi_port": null,
    "webapi_url": "https://mriqc.nimh.nih.gov/api/v1"
  },
  "size_t": 135,
  "size_x": 80,
  "size_y": 80,
  "size_z": 37,
  "snr": 5.359785342652995,
  "spacing_tr": 2.0,
  "spacing_x": 3.0,
  "spacing_y": 3.0,
  "spacing_z": 3.299999952316284,
  "summary_bg_k": 40.376073105200504,
  "summary_bg_mad": 61.1876927127183,
  "summary_bg_mean": 583.095703125,
  "summary_bg_median": 60.17084503173828,
  "summary_bg_n": 156209.0,
  "summary_bg_p05": 5.889875984191895,
  "summary_bg_p95": 3502.7330078125,
  "summary_bg_stdv": 1600.13134765625,
  "summary_fg_k": 1.7332561436360399,
  "summary_fg_mad": 3710.579806657437,
  "summary_fg_mean": 22468.279296875,
  "summary_fg_median": 22153.30078125,
  "summary_fg_n": 37865.0,
  "summary_fg_p05": 16208.4630859375,
  "summary_fg_p95": 29315.699999999997,
  "summary_fg_stdv": 4133.189453125,
  "tsnr": 77.2859115600586
}