{
  "aor": 0.0007432298136645963,
  "aqi": 0.004507605217391304,
  "bids_meta": {
    "AcquisitionNumber": 8,
    "BidsifyVersion": "0.3.5",
    "ConversionSoftware": "dcm2niix",
    "ConversionSoftwareVersion": "v1.0.20181125  GCC6.3.0",
    "EchoTime": 0.02762,
    "EffectiveEchoSpacing": 0.0006621159151938905,
    "ImageComments": "Piop",
    "ImageOrientationPatientDICOM": [
      0.997298,
      -0.073341,
      0.00413064,
      0.0706125,
      0.941663,
      -0.329067
    ],
    "Manufacturer": "Philips",
    "NumberOfVolumesDiscardedByScanner": 2,
    "ParallelAcquisitionTechnique": "SENSE",
    "ParallelReductionFactorInPlane": 2,
    "PatientPosition": "HFS",
    "PhaseEncodingDirection": "j",
    "PhilipsRescaleIntercept": 0,
    "PhilipsRescaleSlope": 0.75922,
    "PhilipsScaleSlope": 0.0657291,
    "ProtocolName": "WIPpiopwmSENSE",
    "PulseSequenceType": "gradient echo EPI",
    "ReconMatrixPE": 80,
    "RepetitionTime": 2,
    "SeriesDescription": "ImageMRSERIES",
    "SeriesNumber": 8,
    "SliceEncodingDirection": "k",
    "SliceTiming": [
      0.0,
      0.0541,
      0.1081,
      0.1622,
      0.2162,
      0.2703,
      0.3243,
      0.3784,
      0.4324,
      0.4865,
      0.5405,
      0.5946,
      0.6486,
      0.7027,
      0.7568,
      0.8108,
      0.8649,
      0.9189,
      0.973,
      1.027,
      1.0811,
      1.1351,
      1.1892,
      1.2432,
      1.2973,
      1.3514,
      1.4054,
      1.4595,
      1.5135,
      1.5676,
      1.6216,
      1.6757,
      1.7297,
      1.7838,
      1.8378,
      1.8919,
      1.9459
    ],
    "TaskName": "workingmemory",
    "TotalReadoutTime": 0.025822520692561732,
    "UsePhilipsFloatNotDisplayScaling": 1,
    "acq_id": "seq",
    "dataset": "ds002785",
    "modality": "bold",
    "subject_id": "0151",
    "task_id": "workingmemory"
  },
  "dummy_trs": 1,
  "dvars_nstd": 23.628386759812493,
  "dvars_std": 1.3089782225,
  "dvars_vstd": 0.9960030352500002,
  "efc": 0.4467576317005449,
  "fber": 124132.484375,
  "fd_mean": 0.08395055090127648,
  "fd_num": 2,
  "fd_perc": 1.2422360248447204,
  "fwhm_avg": 1.778818796032397,
  "fwhm_x": 1.72811,
  "fwhm_y": 1.91551,
  "fwhm_z": 1.6928363880971906,
  "gcor": 0.00771788,
  "gsr_x": -0.024182770401239395,
  "gsr_y": 0.024868398904800415,
  "provenance": {
    "md5sum": "1ac733b6955ebd087a96c6ddb526c98a",
    "settings": {
      "fd_thres": 0.2,
      "testing": false
    },
    "software": "mriqc",
    "version": "22.0.0rc1",
    "webapi_port": null,
    "webapi_url": "https://mriqc.nimh.nih.gov/api/v1"
  },
  "size_t": 161,
  "size_x": 80,
  "size_y": 80,
  "size_z": 37,
  "snr": 5.466523472541354,
  "spacing_tr": 2.0,
  "spacing_x": 3.0,
  "spacing_y": 3.0,
  "spacing_z": 3.299999952316284,
  "summary_bg_k": 33.56475032318644,
  "summary_bg_mad": 61.0287879381202,
  "summary_bg_mean": 590.21142578125,
  "summary_bg_median": 60.26094055175781,
  "summary_bg_n": 156328.0,
  "summary_bg_p05": 5.942084312438966,
  "summary_bg_p95": 3569.752282714842,
  "summary_bg_stdv": 1592.6124267578125,
  "summary_fg_k": 1.7984713371679693,
  "summary_fg_mad": 3564.2655002186657,
  "summary_fg_mean": 22261.412109375,
  "summary_fg_median": 21958.2890625,
  "summary_fg_n": 37958.0,
  "summary_fg_p05": 16195.423779296874,
  "summary_fg_p95": 28858.504785156252,
  "summary_fg_stdv": 4016.8125,
  "tsnr": 81.48112487792969
}