{
  "aor": 0.0006379183673469387,
  "aqi": 0.007323100367346939,
  "bids_meta": {
    "AcquisitionNumber": 3,
    "BidsifyVersion": "0.3.5",
    "ConversionSoftware": "dcm2niix",
    "ConversionSoftwareVersion": "v1.0.20181125  GCC6.3.0",
    "EchoTime": 0.02762,
    "EffectiveEchoSpacing": 0.0006621159151938905,
    "ImageComments": "Piop",
    "ImageOrientationPatientDICOM": [
      0.997298,
      -0.073341,
      0.00413064,
      0.0706125,
      0.941663,
      -0.329067
    ],
    "Manufacturer": "Philips",
    "NumberOfVolumesDiscardedByScanner": 2,
    "ParallelAcquisitionTechnique": "SENSE",
    "ParallelReductionFactorInPlane": 2,
    "PatientPosition": "HFS",
    "PhaseEncodingDirection": "j",
    "PhilipsRescaleIntercept": 0,
    "PhilipsRescaleSlope": 0.82247,
    "PhilipsScaleSlope": 0.0655528,
    "ProtocolName": "WIPpiopgstroopSENSE",
    "PulseSequenceType": "gradient echo EPI",
    "ReconMatrixPE": 80,
    "RepetitionTime": 2,
    "SeriesDescription": "ImageMRSERIES",
    "SeriesNumber": 3,
    "SliceEncodingDirection": "k",
    "SliceTiming": [
      0.0,
      0.0541,
      0.1081,
      0.1622,
      0.2162,
      0.2703,
      0.3243,
      0.3784,
      0.4324,
      0.4865,
      0.5405,
      0.5946,
      0.6486,
      0.7027,
      0.7568,
      0.8108,
      0.8649,
      0.9189,
      0.973,
      1.027,
      1.0811,
      1.1351,
      1.1892,
      1.2432,
      1.2973,
      1.3514,
      1.4054,
      1.4595,
      1.5135,
      1.5676,
      1.6216,
      1.6757,
      1.7297,
      1.7838,
      1.8378,
      1.8919,
      1.9459
    ],
    "TaskName": "gstroop",
    "TotalReadoutTime": 0.025822520692561732,
    "UsePhilipsFloatNotDisplayScaling": 1,
    "acq_id": "seq",
    "dataset": "ds002785",
    "modality": "bold",
    "subject_id": "0151",
    "task_id": "gstroop"
  },
  "dummy_trs": 0,
  "dvars_nstd": 22.539008297131144,
  "dvars_std": 1.2297646585245905,
  "dvars_vstd": 0.9776223217622948,
  "efc": 0.44634483321105173,
  "fber": 123097.578125,
  "fd_mean": 0.08578299843239852,
  "fd_num": 0,
  "fd_perc": 0.0,
  "fwhm_avg": 1.693893745010459,
  "fwhm_x": 1.6515333333333333,
  "fwhm_y": 1.8446266666666666,
  "fwhm_z": 1.585521235031377,
  "gcor": 0.017191,
  "gsr_x": -0.024371614679694176,
  "gsr_y": 0.024472614750266075,
  "provenance": {
    "md5sum": "6b5b5ff524418de058eef9ea3469e7eb",
    "settings": {
      "fd_thres": 0.2,
      "testing": false
    },
    "software": "mriqc",
    "version": "22.0.0rc1",
    "webapi_port": null,
    "webapi_url": "https://mriqc.nimh.nih.gov/api/v1"
  },
  "size_t": 245,
  "size_x": 80,
  "size_y": 80,
  "size_z": 37,
  "snr": 5.719202872466891,
  "spacing_tr": 2.0,
  "spacing_x": 3.0,
  "spacing_y": 3.0,
  "spacing_z": 3.299999952316284,
  "summary_bg_k": 64.34969910175509,
  "summary_bg_mad": 60.67623555510643,
  "summary_bg_mean": 574.8800659179688,
  "summary_bg_median": 59.969581604003906,
  "summary_bg_n": 156042.0,
  "summary_bg_p05": 6.086641955375671,
  "summary_bg_p95": 3366.1286621093745,
  "summary_bg_stdv": 1626.8408203125,
  "summary_fg_k": 2.3510984277049642,
  "summary_fg_mad": 3352.745653240228,
  "summary_fg_mean": 22152.56640625,
  "summary_fg_median": 21881.33984375,
  "summary_fg_n": 37961.0,
  "summary_fg_p05": 16471.896484375,
  "summary_fg_p95": 28374.796875,
  "summary_fg_stdv": 3825.891845703125,
  "tsnr": 72.20076751708984
}