{
  "bids_meta": {
    "AcquisitionNumber": 4,
    "BidsifyVersion": "0.3.5",
    "ConversionSoftware": "dcm2niix",
    "ConversionSoftwareVersion": "v1.0.20181125  GCC6.3.0",
    "EchoTime": 0.00372,
    "ImageComments": "piop",
    "ImageOrientationPatientDICOM": [
      0.997616,
      -0.0220821,
      0.0653804,
      0.0235101,
      0.9995,
      -0.0211529
    ],
    "Manufacturer": "Philips",
    "PatientPosition": "HFS",
    "PhilipsRescaleIntercept": 0,
    "PhilipsRescaleSlope": 9.11795,
    "PhilipsScaleSlope": 0.00726541,
    "ProtocolName": "WIPt13dSENSE",
    "ReconMatrixPE": 240,
    "RepetitionTime": 0.008152,
    "SeriesDescription": "ImageMRSERIES",
    "SeriesNumber": 4,
    "UsePhilipsFloatNotDisplayScaling": 1,
    "dataset": "ds002785",
    "modality": "T1w",
    "subject_id": "0015"
  },
  "cjv": 0.31820162703001315,
  "cnr": 3.827287987826086,
  "efc": 0.7616744926024196,
  "fber": 1423.1195068359375,
  "fwhm_avg": 3.505043333333333,
  "fwhm_x": 3.40087,
  "fwhm_y": 3.76565,
  "fwhm_z": 3.34861,
  "icvs_csf": 0.20010573549719188,
  "icvs_gm": 0.43325250680527966,
  "icvs_wm": 0.3666417576975285,
  "inu_med": 0.8626107573509216,
  "inu_range": 0.24251589179039024,
  "provenance": {
    "md5sum": "6e6395f3be3868c0dd38ea27e35949e5",
    "settings": {
      "testing": false
    },
    "software": "mriqc",
    "version": "22.0.0rc1",
    "warnings": {
      "large_rot_frame": true,
      "small_air_mask": true
    },
    "webapi_port": null,
    "webapi_url": "https://mriqc.nimh.nih.gov/api/v1"
  },
  "qi_1": 0.0,
  "qi_2": 2.929365010763264e-05,
  "rpve_csf": 28.153615389096252,
  "rpve_gm": 14.351485921818252,
  "rpve_wm": 21.1882431280362,
  "size_x": 240,
  "size_y": 240,
  "size_z": 220,
  "snr_csf": 2.6519421737598377,
  "snr_gm": 7.239868880266832,
  "snr_total": 10.255542266226787,
  "snr_wm": 20.874815744653688,
  "snrd_csf": 22.578788083715462,
  "snrd_gm": 40.76194050317251,
  "snrd_total": 43.014657379121495,
  "snrd_wm": 65.7032435504765,
  "spacing_x": 1.0,
  "spacing_y": 1.0,
  "spacing_z": 1.0,
  "summary_bg_k": 24.16718663337233,
  "summary_bg_mad": 9.971026463130528,
  "summary_bg_mean": 15.37859058380127,
  "summary_bg_median": 13.410106658935547,
  "summary_bg_n": 137998.0,
  "summary_bg_p05": 0.0,
  "summary_bg_p95": 40.061425781249994,
  "summary_bg_stdv": 14.140512466430664,
  "summary_csf_k": -0.44232856325622283,
  "summary_csf_mad": 122.83921328547484,
  "summary_csf_mean": 311.37261962890625,
  "summary_csf_median": 343.6440124511719,
  "summary_csf_n": 6493.0,
  "summary_csf_p05": 88.90279693603516,
  "summary_csf_p95": 481.52788085937493,
  "summary_csf_stdv": 129.57203674316406,
  "summary_gm_k": 0.4363517275905089,
  "summary_gm_mad": 78.78686097206457,
  "summary_gm_mean": 623.3800659179688,
  "summary_gm_median": 620.387451171875,
  "summary_gm_n": 19735.0,
  "summary_gm_p05": 485.41539306640624,
  "summary_gm_p95": 775.3423950195312,
  "summary_gm_stdv": 85.6882553100586,
  "summary_wm_k": 1.286477322030641,
  "summary_wm_mad": 42.0027796237104,
  "summary_wm_mean": 997.4157104492188,
  "summary_wm_median": 999.9884033203125,
  "summary_wm_n": 192481.0,
  "summary_wm_p05": 914.1080322265625,
  "summary_wm_p95": 1070.4296875,
  "summary_wm_stdv": 47.903934478759766,
  "tpm_overlap_csf": 0.16326165199279785,
  "tpm_overlap_gm": 0.45381271839141846,
  "tpm_overlap_wm": 0.5079262256622314,
  "wm2max": 0.6822695715819349
}