{
  "bids_meta": {
    "AcquisitionNumber": 4,
    "BidsifyVersion": "0.3.5",
    "ConversionSoftware": "dcm2niix",
    "ConversionSoftwareVersion": "v1.0.20181125  GCC6.3.0",
    "EchoTime": 0.00381,
    "ImageComments": "Piop",
    "ImageOrientationPatientDICOM": [
      0.997124,
      0.056446,
      0.0505674,
      -0.0492909,
      0.989888,
      -0.133012
    ],
    "Manufacturer": "Philips",
    "PatientPosition": "HFS",
    "PhilipsRescaleIntercept": 0,
    "PhilipsRescaleSlope": 8.9221,
    "PhilipsScaleSlope": 0.0069652,
    "ProtocolName": "WIPt13dSENSE",
    "ReconMatrixPE": 240,
    "RepetitionTime": 0.008297,
    "SeriesDescription": "ImageMRSERIES",
    "SeriesNumber": 4,
    "UsePhilipsFloatNotDisplayScaling": 1,
    "dataset": "ds002785",
    "modality": "T1w",
    "subject_id": "0092"
  },
  "cjv": 0.38367944534375714,
  "cnr": 3.283917913664813,
  "efc": 0.793955899050297,
  "fber": 514.9080200195312,
  "fwhm_avg": 3.460553406660362,
  "fwhm_x": 3.42989,
  "fwhm_y": 3.6906702199810875,
  "fwhm_z": 3.2611,
  "icvs_csf": 0.22617348982296817,
  "icvs_gm": 0.4048743333966481,
  "icvs_wm": 0.3689521767803837,
  "inu_med": 0.5280619859695435,
  "inu_range": 0.21433421671390535,
  "provenance": {
    "md5sum": "969ebe92be70c1ce09623b0155e5b56c",
    "settings": {
      "testing": false
    },
    "software": "mriqc",
    "version": "22.0.0rc1",
    "warnings": {
      "large_rot_frame": true,
      "small_air_mask": true
    },
    "webapi_port": null,
    "webapi_url": "https://mriqc.nimh.nih.gov/api/v1"
  },
  "qi_1": 0.0,
  "qi_2": 0.00013928231942392447,
  "rpve_csf": 23.69288031814999,
  "rpve_gm": 13.502019298281676,
  "rpve_wm": 19.27914303814126,
  "size_x": 240,
  "size_y": 240,
  "size_z": 220,
  "snr_csf": 4.441675811432738,
  "snr_gm": 6.914331525794596,
  "snr_total": 10.29032660934395,
  "snr_wm": 19.514972490804517,
  "snrd_csf": 21.868390435290202,
  "snrd_gm": 33.958549793603225,
  "snrd_total": 36.11414076757571,
  "snrd_wm": 52.5154820738337,
  "spacing_x": 1.0,
  "spacing_y": 0.9999999403953552,
  "spacing_z": 1.0,
  "summary_bg_k": 4.592673031669796,
  "summary_bg_mad": 12.475168666953051,
  "summary_bg_mean": 17.82843589782715,
  "summary_bg_median": 16.814247131347656,
  "summary_bg_n": 163961.0,
  "summary_bg_p05": 0.0,
  "summary_bg_p95": 42.396263122558594,
  "summary_bg_stdv": 14.388090133666992,
  "summary_csf_k": 1.4446941117976895,
  "summary_csf_mad": 76.86641873682072,
  "summary_csf_mean": 404.71392822265625,
  "summary_csf_median": 416.4199523925781,
  "summary_csf_n": 8752.0,
  "summary_csf_p05": 230.80302047729492,
  "summary_csf_p95": 539.8756896972656,
  "summary_csf_stdv": 93.7475357055664,
  "summary_gm_k": 0.3638788069014329,
  "summary_gm_mad": 89.07757184185678,
  "summary_gm_mean": 649.6077270507812,
  "summary_gm_median": 646.6419067382812,
  "summary_gm_n": 15259.0,
  "summary_gm_p05": 501.9096252441406,
  "summary_gm_p95": 813.0985900878906,
  "summary_gm_stdv": 93.51890563964844,
  "summary_wm_k": 0.8769471098326331,
  "summary_wm_mad": 46.500491987448996,
  "summary_wm_mean": 998.32080078125,
  "summary_wm_median": 1000.0047607421875,
  "summary_wm_n": 217362.0,
  "summary_wm_p05": 910.8468841552734,
  "summary_wm_p95": 1078.9837219238282,
  "summary_wm_stdv": 51.24283218383789,
  "tpm_overlap_csf": 0.14451976120471954,
  "tpm_overlap_gm": 0.43281686305999756,
  "tpm_overlap_wm": 0.49080291390419006,
  "wm2max": 0.5795031260981045
}