{
  "aor": 0.004101975308641976,
  "aqi": 0.005622188950617284,
  "bids_meta": {
    "AcquisitionNumber": 8,
    "BidsifyVersion": "0.3.5",
    "ConversionSoftware": "dcm2niix",
    "ConversionSoftwareVersion": "v1.0.20181125  GCC6.3.0",
    "EchoTime": 0.02762,
    "EffectiveEchoSpacing": 0.0006621159151938905,
    "ImageComments": "piop",
    "ImageOrientationPatientDICOM": [
      0.999021,
      0.0283802,
      0.0339334,
      -0.0237177,
      0.991141,
      -0.130676
    ],
    "Manufacturer": "Philips",
    "NumberOfVolumesDiscardedByScanner": 2,
    "ParallelAcquisitionTechnique": "SENSE",
    "ParallelReductionFactorInPlane": 2,
    "PatientPosition": "HFS",
    "PhaseEncodingDirection": "j",
    "PhilipsRescaleIntercept": 0,
    "PhilipsRescaleSlope": 0.75458,
    "PhilipsScaleSlope": 0.0635431,
    "ProtocolName": "WIPpiopwmSENSE",
    "PulseSequenceType": "gradient echo EPI",
    "ReconMatrixPE": 80,
    "RepetitionTime": 2,
    "SeriesDescription": "ImageMRSERIES",
    "SeriesNumber": 8,
    "SliceEncodingDirection": "k",
    "SliceTiming": [
      0.0,
      0.0541,
      0.1081,
      0.1622,
      0.2162,
      0.2703,
      0.3243,
      0.3784,
      0.4324,
      0.4865,
      0.5405,
      0.5946,
      0.6486,
      0.7027,
      0.7568,
      0.8108,
      0.8649,
      0.9189,
      0.973,
      1.027,
      1.0811,
      1.1351,
      1.1892,
      1.2432,
      1.2973,
      1.3514,
      1.4054,
      1.4595,
      1.5135,
      1.5676,
      1.6216,
      1.6757,
      1.7297,
      1.7838,
      1.8378,
      1.8919,
      1.9459
    ],
    "TaskName": "workingmemory",
    "TotalReadoutTime": 0.025822520692561732,
    "UsePhilipsFloatNotDisplayScaling": 1,
    "acq_id": "seq",
    "dataset": "ds002785",
    "modality": "bold",
    "subject_id": "0126",
    "task_id": "workingmemory"
  },
  "dummy_trs": 0,
  "dvars_nstd": 23.67067575770186,
  "dvars_std": 1.2403508727950312,
  "dvars_vstd": 1.0150778910559006,
  "efc": 0.42976097215024517,
  "fber": 150286.046875,
  "fd_mean": 0.1712785293313777,
  "fd_num": 42,
  "fd_perc": 25.925925925925927,
  "fwhm_avg": 1.7975408165240807,
  "fwhm_x": 1.7330833333333333,
  "fwhm_y": 1.9065633333333334,
  "fwhm_z": 1.7529757829055754,
  "gcor": 0.021056,
  "gsr_x": -0.023097408935427666,
  "gsr_y": 0.01654382422566414,
  "provenance": {
    "md5sum": "15a07a41e6f3223f61cf28fa2a313e98",
    "settings": {
      "fd_thres": 0.2,
      "testing": false
    },
    "software": "mriqc",
    "version": "22.0.0rc1",
    "webapi_port": null,
    "webapi_url": "https://mriqc.nimh.nih.gov/api/v1"
  },
  "size_t": 162,
  "size_x": 80,
  "size_y": 80,
  "size_z": 37,
  "snr": 5.456931211842502,
  "spacing_tr": 2.0,
  "spacing_x": 3.0,
  "spacing_y": 3.0,
  "spacing_z": 3.299999952316284,
  "summary_bg_k": 73.38070075859034,
  "summary_bg_mad": 63.46647450413299,
  "summary_bg_mean": 536.3525390625,
  "summary_bg_median": 61.02293395996094,
  "summary_bg_n": 158552.0,
  "summary_bg_p05": 4.965901565551758,
  "summary_bg_p95": 2612.439831542961,
  "summary_bg_stdv": 1688.3648681640625,
  "summary_fg_k": 2.176996935944998,
  "summary_fg_mad": 3784.9415741793587,
  "summary_fg_mean": 24624.48828125,
  "summary_fg_median": 24128.466796875,
  "summary_fg_n": 37041.0,
  "summary_fg_p05": 18511.935546875,
  "summary_fg_p95": 32201.216796875,
  "summary_fg_stdv": 4421.55859375,
  "tsnr": 71.96784973144531
}