{
  "aor": 0.0010424444444444446,
  "aqi": 0.0057588643703703705,
  "bids_meta": {
    "AcquisitionNumber": 5,
    "BidsifyVersion": "0.3.5",
    "ConversionSoftware": "dcm2niix",
    "ConversionSoftwareVersion": "v1.0.20181125  GCC6.3.0",
    "EchoTime": 0.02762,
    "EffectiveEchoSpacing": 0.0006621159151938905,
    "ImageComments": "PIOP",
    "ImageOrientationPatientDICOM": [
      0.996361,
      0.070103,
      -0.0484893,
      -0.0801653,
      0.963994,
      -0.253555
    ],
    "Manufacturer": "Philips",
    "NumberOfVolumesDiscardedByScanner": 2,
    "ParallelAcquisitionTechnique": "SENSE",
    "ParallelReductionFactorInPlane": 2,
    "PatientPosition": "HFS",
    "PhaseEncodingDirection": "j",
    "PhilipsRescaleIntercept": 0,
    "PhilipsRescaleSlope": 0.79048,
    "PhilipsScaleSlope": 0.055644,
    "ProtocolName": "WIPpiopharririSENSE",
    "PulseSequenceType": "gradient echo EPI",
    "ReconMatrixPE": 80,
    "RepetitionTime": 2,
    "SeriesDescription": "ImageMRSERIES",
    "SeriesNumber": 5,
    "SliceEncodingDirection": "k",
    "SliceTiming": [
      0.0,
      0.0541,
      0.1081,
      0.1622,
      0.2162,
      0.2703,
      0.3243,
      0.3784,
      0.4324,
      0.4865,
      0.5405,
      0.5946,
      0.6486,
      0.7027,
      0.7568,
      0.8108,
      0.8649,
      0.9189,
      0.973,
      1.027,
      1.0811,
      1.1351,
      1.1892,
      1.2432,
      1.2973,
      1.3514,
      1.4054,
      1.4595,
      1.5135,
      1.5676,
      1.6216,
      1.6757,
      1.7297,
      1.7838,
      1.8378,
      1.8919,
      1.9459
    ],
    "TaskName": "emomatching",
    "TotalReadoutTime": 0.025822520692561732,
    "UsePhilipsFloatNotDisplayScaling": 1,
    "acq_id": "seq",
    "dataset": "ds002785",
    "modality": "bold",
    "subject_id": "0108",
    "task_id": "emomatching"
  },
  "dummy_trs": 0,
  "dvars_nstd": 20.55085281850745,
  "dvars_std": 1.1247080086567163,
  "dvars_vstd": 0.969163477910448,
  "efc": 0.46165085145214363,
  "fber": 137692.984375,
  "fd_mean": 0.16364535730745752,
  "fd_num": 33,
  "fd_perc": 24.444444444444443,
  "fwhm_avg": 1.8873637459032846,
  "fwhm_x": 1.83482,
  "fwhm_y": 2.0563833333333332,
  "fwhm_z": 1.77088790437652,
  "gcor": 0.0119915,
  "gsr_x": -0.01853584498167038,
  "gsr_y": 0.024867884814739227,
  "provenance": {
    "md5sum": "7ed245139c1097023701af178910a043",
    "settings": {
      "fd_thres": 0.2,
      "testing": false
    },
    "software": "mriqc",
    "version": "22.0.0rc1",
    "webapi_port": null,
    "webapi_url": "https://mriqc.nimh.nih.gov/api/v1"
  },
  "size_t": 135,
  "size_x": 80,
  "size_y": 80,
  "size_z": 37,
  "snr": 4.8018229038045375,
  "spacing_tr": 2.0,
  "spacing_x": 3.0,
  "spacing_y": 3.0,
  "spacing_z": 3.299999952316284,
  "summary_bg_k": 67.03941066265931,
  "summary_bg_mad": 63.55276743473375,
  "summary_bg_mean": 610.9440307617188,
  "summary_bg_median": 58.87853240966797,
  "summary_bg_n": 151834.0,
  "summary_bg_p05": 5.55937135219574,
  "summary_bg_p95": 3339.6061767578126,
  "summary_bg_stdv": 1777.6534423828125,
  "summary_fg_k": 2.4257758169689927,
  "summary_fg_mad": 4246.016385597311,
  "summary_fg_mean": 23148.203125,
  "summary_fg_median": 22573.576171875,
  "summary_fg_n": 42541.0,
  "summary_fg_p05": 16796.78125,
  "summary_fg_p95": 30915.326171875,
  "summary_fg_stdv": 4700.98779296875,
  "tsnr": 68.46968841552734
}