{
  "aor": 0.0028478391959799,
  "aqi": 0.005607515829145729,
  "bids_meta": {
    "AcquisitionNumber": 9,
    "BidsifyVersion": "0.3.5",
    "ConversionSoftware": "dcm2niix",
    "ConversionSoftwareVersion": "v1.0.20181125  GCC6.3.0",
    "EchoTime": 0.02762,
    "EffectiveEchoSpacing": 0.0006621159151938905,
    "ImageComments": "PIOP",
    "ImageOrientationPatientDICOM": [
      0.996361,
      0.070103,
      -0.0484893,
      -0.0801653,
      0.963994,
      -0.253555
    ],
    "Manufacturer": "Philips",
    "NumberOfVolumesDiscardedByScanner": 2,
    "ParallelAcquisitionTechnique": "SENSE",
    "ParallelReductionFactorInPlane": 2,
    "PatientPosition": "HFS",
    "PhaseEncodingDirection": "j",
    "PhilipsRescaleIntercept": 0,
    "PhilipsRescaleSlope": 0.76947,
    "PhilipsScaleSlope": 0.0581174,
    "ProtocolName": "WIPpiopanticipatieSENSE",
    "PulseSequenceType": "gradient echo EPI",
    "ReconMatrixPE": 80,
    "RepetitionTime": 2,
    "SeriesDescription": "ImageMRSERIES",
    "SeriesNumber": 9,
    "SliceEncodingDirection": "k",
    "SliceTiming": [
      0.0,
      0.0541,
      0.1081,
      0.1622,
      0.2162,
      0.2703,
      0.3243,
      0.3784,
      0.4324,
      0.4865,
      0.5405,
      0.5946,
      0.6486,
      0.7027,
      0.7568,
      0.8108,
      0.8649,
      0.9189,
      0.973,
      1.027,
      1.0811,
      1.1351,
      1.1892,
      1.2432,
      1.2973,
      1.3514,
      1.4054,
      1.4595,
      1.5135,
      1.5676,
      1.6216,
      1.6757,
      1.7297,
      1.7838,
      1.8378,
      1.8919,
      1.9459
    ],
    "TaskName": "anticipation",
    "TotalReadoutTime": 0.025822520692561732,
    "UsePhilipsFloatNotDisplayScaling": 1,
    "acq_id": "seq",
    "dataset": "ds002785",
    "modality": "bold",
    "subject_id": "0108",
    "task_id": "anticipation"
  },
  "dummy_trs": 1,
  "dvars_nstd": 22.517027960656577,
  "dvars_std": 1.1581110384343432,
  "dvars_vstd": 1.0143424091414144,
  "efc": 0.461556915673303,
  "fber": 139402.46875,
  "fd_mean": 0.20451881205416061,
  "fd_num": 83,
  "fd_perc": 41.70854271356784,
  "fwhm_avg": 1.8769130387578628,
  "fwhm_x": 1.83101,
  "fwhm_y": 2.0443533333333335,
  "fwhm_z": 1.7553757829402545,
  "gcor": 0.0168454,
  "gsr_x": -0.018054628744721413,
  "gsr_y": 0.024662207812070847,
  "provenance": {
    "md5sum": "8845e4a2db6d28c999a5c5cae7609e8c",
    "settings": {
      "fd_thres": 0.2,
      "testing": false
    },
    "software": "mriqc",
    "version": "22.0.0rc1",
    "webapi_port": null,
    "webapi_url": "https://mriqc.nimh.nih.gov/api/v1"
  },
  "size_t": 199,
  "size_x": 80,
  "size_y": 80,
  "size_z": 37,
  "snr": 4.813740238577205,
  "spacing_tr": 2.0,
  "spacing_x": 3.0,
  "spacing_y": 3.0,
  "spacing_z": 3.299999952316284,
  "summary_bg_k": 68.76984390213516,
  "summary_bg_mad": 58.55437198117141,
  "summary_bg_mean": 595.0077514648438,
  "summary_bg_median": 57.175819396972656,
  "summary_bg_n": 151953.0,
  "summary_bg_p05": 6.660859107971191,
  "summary_bg_p95": 3314.522216796875,
  "summary_bg_stdv": 1718.0709228515625,
  "summary_fg_k": 2.5310131359218566,
  "summary_fg_mad": 4084.499615003941,
  "summary_fg_mean": 22676.39453125,
  "summary_fg_median": 22096.5546875,
  "summary_fg_n": 42485.0,
  "summary_fg_p05": 16458.60703125,
  "summary_fg_p95": 30314.836328125,
  "summary_fg_stdv": 4590.2548828125,
  "tsnr": 66.29013061523438
}