{
  "aor": 0.000921030303030303,
  "aqi": 0.008984670606060605,
  "bids_meta": {
    "AcquisitionNumber": 2,
    "BidsifyVersion": "0.3.5",
    "ConversionSoftware": "dcm2niix",
    "ConversionSoftwareVersion": "v1.0.20181125  GCC6.3.0",
    "EchoTime": 0.02762,
    "EffectiveEchoSpacing": 0.0006333282667071997,
    "ImageComments": "PIOP",
    "ImageOrientationPatientDICOM": [
      0.996635,
      0.0700765,
      -0.0425189,
      -0.0786119,
      0.964075,
      -0.253732
    ],
    "Manufacturer": "Philips",
    "NumberOfVolumesDiscardedByScanner": 2,
    "ParallelAcquisitionTechnique": "SENSE",
    "ParallelReductionFactorInPlane": 2,
    "PatientPosition": "HFS",
    "PhaseEncodingDirection": "j",
    "PhilipsRescaleIntercept": 0,
    "PhilipsRescaleSlope": 0.80928,
    "PhilipsScaleSlope": 0.0842514,
    "ProtocolName": "WIPpiopfacesSENSE",
    "PulseSequenceType": "gradient echo EPI",
    "ReconMatrixPE": 80,
    "RepetitionTime": 0.75,
    "SeriesDescription": "ImageMRSERIES",
    "SeriesNumber": 2,
    "SliceEncodingDirection": "k",
    "SliceTiming": [
      0.0,
      0.06755050505050506,
      0.1351010101010101,
      0.20265151515151517,
      0.2702020202020202,
      0.3377525252525253,
      0.40530303030303033,
      0.47285353535353536,
      0.5404040404040404,
      0.6079545454545455,
      0.6755050505050506,
      0.7430555555555556,
      0.0,
      0.06755050505050506,
      0.1351010101010101,
      0.20265151515151517,
      0.2702020202020202,
      0.3377525252525253,
      0.40530303030303033,
      0.47285353535353536,
      0.5404040404040404,
      0.6079545454545455,
      0.6755050505050506,
      0.7430555555555556,
      0.0,
      0.06755050505050506,
      0.1351010101010101,
      0.20265151515151517,
      0.2702020202020202,
      0.3377525252525253,
      0.40530303030303033,
      0.47285353535353536,
      0.5404040404040404,
      0.6079545454545455,
      0.6755050505050506,
      0.7430555555555556
    ],
    "TaskName": "faces",
    "TotalReadoutTime": 0.024699802401580786,
    "UsePhilipsFloatNotDisplayScaling": 1,
    "acq_id": "mb3",
    "dataset": "ds002785",
    "modality": "bold",
    "subject_id": "0108",
    "task_id": "faces"
  },
  "dummy_trs": 0,
  "dvars_nstd": 26.848603239483293,
  "dvars_std": 1.1313741052279631,
  "dvars_vstd": 1.0187754406990879,
  "efc": 0.4712893250121092,
  "fber": 128232.765625,
  "fd_mean": 0.1456104715170444,
  "fd_num": 76,
  "fd_perc": 23.03030303030303,
  "fwhm_avg": 2.0502740933949717,
  "fwhm_x": 2.07839,
  "fwhm_y": 2.2387866666666665,
  "fwhm_z": 1.833645613518248,
  "gcor": 0.0220071,
  "gsr_x": -0.020595910027623177,
  "gsr_y": 0.02286086231470108,
  "provenance": {
    "md5sum": "0616537a1cc8417eca33e4124bff27c8",
    "settings": {
      "fd_thres": 0.2,
      "testing": false
    },
    "software": "mriqc",
    "version": "22.0.0rc1",
    "webapi_port": null,
    "webapi_url": "https://mriqc.nimh.nih.gov/api/v1"
  },
  "size_t": 330,
  "size_x": 80,
  "size_y": 80,
  "size_z": 36,
  "snr": 6.215045057261405,
  "spacing_tr": 0.75,
  "spacing_x": 3.0,
  "spacing_y": 3.0,
  "spacing_z": 3.299999713897705,
  "summary_bg_k": 44.64542647151453,
  "summary_bg_mad": 53.3358348926561,
  "summary_bg_mean": 508.9223937988281,
  "summary_bg_median": 49.15779495239258,
  "summary_bg_n": 147275.0,
  "summary_bg_p05": 5.19198865890503,
  "summary_bg_p95": 2691.611450195309,
  "summary_bg_stdv": 1350.4434814453125,
  "summary_fg_k": 1.091352004892868,
  "summary_fg_mad": 2659.513287790538,
  "summary_fg_mean": 18173.26953125,
  "summary_fg_median": 17953.2578125,
  "summary_fg_n": 41645.0,
  "summary_fg_p05": 13868.4802734375,
  "summary_fg_p95": 23106.755468749994,
  "summary_fg_stdv": 2888.642333984375,
  "tsnr": 51.79148864746094
}