{
  "aor": 0.0030254938271604944,
  "aqi": 0.013413275308641975,
  "bids_meta": {
    "AcquisitionNumber": 8,
    "BidsifyVersion": "0.3.5",
    "ConversionSoftware": "dcm2niix",
    "ConversionSoftwareVersion": "v1.0.20181125  GCC6.3.0",
    "EchoTime": 0.02762,
    "EffectiveEchoSpacing": 0.0006621159151938905,
    "ImageComments": "piop",
    "ImageOrientationPatientDICOM": [
      0.999799,
      -0.0164372,
      0.0115171,
      0.0176261,
      0.993535,
      -0.112151
    ],
    "Manufacturer": "Philips",
    "NumberOfVolumesDiscardedByScanner": 2,
    "ParallelAcquisitionTechnique": "SENSE",
    "ParallelReductionFactorInPlane": 2,
    "PatientPosition": "HFS",
    "PhaseEncodingDirection": "j",
    "PhilipsRescaleIntercept": 0,
    "PhilipsRescaleSlope": 0.83541,
    "PhilipsScaleSlope": 0.0649813,
    "ProtocolName": "WIPpiopwmSENSE",
    "PulseSequenceType": "gradient echo EPI",
    "ReconMatrixPE": 80,
    "RepetitionTime": 2,
    "SeriesDescription": "ImageMRSERIES",
    "SeriesNumber": 8,
    "SliceEncodingDirection": "k",
    "SliceTiming": [
      0.0,
      0.0541,
      0.1081,
      0.1622,
      0.2162,
      0.2703,
      0.3243,
      0.3784,
      0.4324,
      0.4865,
      0.5405,
      0.5946,
      0.6486,
      0.7027,
      0.7568,
      0.8108,
      0.8649,
      0.9189,
      0.973,
      1.027,
      1.0811,
      1.1351,
      1.1892,
      1.2432,
      1.2973,
      1.3514,
      1.4054,
      1.4595,
      1.5135,
      1.5676,
      1.6216,
      1.6757,
      1.7297,
      1.7838,
      1.8378,
      1.8919,
      1.9459
    ],
    "TaskName": "workingmemory",
    "TotalReadoutTime": 0.025822520692561732,
    "UsePhilipsFloatNotDisplayScaling": 1,
    "acq_id": "seq",
    "dataset": "ds002785",
    "modality": "bold",
    "subject_id": "0097",
    "task_id": "workingmemory"
  },
  "dummy_trs": 0,
  "dvars_nstd": 22.5706200804348,
  "dvars_std": 1.077200791987578,
  "dvars_vstd": 0.9476618816149066,
  "efc": 0.42220662194977204,
  "fber": 120544.3203125,
  "fd_mean": 0.20481007686226516,
  "fd_num": 68,
  "fd_perc": 41.97530864197531,
  "fwhm_avg": 1.8623733417468602,
  "fwhm_x": 1.7960466666666666,
  "fwhm_y": 2.0442733333333334,
  "fwhm_z": 1.7468000252405804,
  "gcor": 0.0320787,
  "gsr_x": -0.020260974764823914,
  "gsr_y": 0.015670528635382652,
  "provenance": {
    "md5sum": "324e9d8412c5ce5bb213245e3392466d",
    "settings": {
      "fd_thres": 0.2,
      "testing": false
    },
    "software": "mriqc",
    "version": "22.0.0rc1",
    "webapi_port": null,
    "webapi_url": "https://mriqc.nimh.nih.gov/api/v1"
  },
  "size_t": 162,
  "size_x": 80,
  "size_y": 80,
  "size_z": 37,
  "snr": 5.3065616761321195,
  "spacing_tr": 2.0,
  "spacing_x": 3.0,
  "spacing_y": 3.0,
  "spacing_z": 3.299999952316284,
  "summary_bg_k": 19.578128635473167,
  "summary_bg_mad": 67.30798816886815,
  "summary_bg_mean": 655.40478515625,
  "summary_bg_median": 58.77564239501953,
  "summary_bg_n": 164358.0,
  "summary_bg_p05": 4.940649890899659,
  "summary_bg_p95": 4230.49951171875,
  "summary_bg_stdv": 1700.966064453125,
  "summary_fg_k": 1.4907076169482991,
  "summary_fg_mad": 3705.4095209911447,
  "summary_fg_mean": 21101.45703125,
  "summary_fg_median": 20670.4921875,
  "summary_fg_n": 32532.0,
  "summary_fg_p05": 15662.413037109374,
  "summary_fg_p95": 27967.33681640624,
  "summary_fg_stdv": 3895.21044921875,
  "tsnr": 45.441463470458984
}