{
  "aor": 0.0006830041152263374,
  "aqi": 0.007283817695473251,
  "bids_meta": {
    "AcquisitionNumber": 3,
    "BidsifyVersion": "0.3.5",
    "ConversionSoftware": "dcm2niix",
    "ConversionSoftwareVersion": "v1.0.20181125  GCC6.3.0",
    "EchoTime": 0.02762,
    "EffectiveEchoSpacing": 0.0006621159151938905,
    "ImageComments": "piop",
    "ImageOrientationPatientDICOM": [
      0.999799,
      -0.0164372,
      0.0115171,
      0.0176261,
      0.993535,
      -0.112151
    ],
    "Manufacturer": "Philips",
    "NumberOfVolumesDiscardedByScanner": 2,
    "ParallelAcquisitionTechnique": "SENSE",
    "ParallelReductionFactorInPlane": 2,
    "PatientPosition": "HFS",
    "PhaseEncodingDirection": "j",
    "PhilipsRescaleIntercept": 0,
    "PhilipsRescaleSlope": 0.85836,
    "PhilipsScaleSlope": 0.0669345,
    "ProtocolName": "WIPpiopgstroopSENSE",
    "PulseSequenceType": "gradient echo EPI",
    "ReconMatrixPE": 80,
    "RepetitionTime": 2,
    "SeriesDescription": "ImageMRSERIES",
    "SeriesNumber": 3,
    "SliceEncodingDirection": "k",
    "SliceTiming": [
      0.0,
      0.0541,
      0.1081,
      0.1622,
      0.2162,
      0.2703,
      0.3243,
      0.3784,
      0.4324,
      0.4865,
      0.5405,
      0.5946,
      0.6486,
      0.7027,
      0.7568,
      0.8108,
      0.8649,
      0.9189,
      0.973,
      1.027,
      1.0811,
      1.1351,
      1.1892,
      1.2432,
      1.2973,
      1.3514,
      1.4054,
      1.4595,
      1.5135,
      1.5676,
      1.6216,
      1.6757,
      1.7297,
      1.7838,
      1.8378,
      1.8919,
      1.9459
    ],
    "TaskName": "gstroop",
    "TotalReadoutTime": 0.025822520692561732,
    "UsePhilipsFloatNotDisplayScaling": 1,
    "acq_id": "seq",
    "dataset": "ds002785",
    "modality": "bold",
    "subject_id": "0097",
    "task_id": "gstroop"
  },
  "dummy_trs": 2,
  "dvars_nstd": 21.694276541652904,
  "dvars_std": 1.1289748297933884,
  "dvars_vstd": 0.9544625635123958,
  "efc": 0.42027824244154754,
  "fber": 134617.515625,
  "fd_mean": 0.15379106259137243,
  "fd_num": 52,
  "fd_perc": 21.39917695473251,
  "fwhm_avg": 1.7741757656899877,
  "fwhm_x": 1.6961066666666669,
  "fwhm_y": 1.9417600000000002,
  "fwhm_z": 1.6846606304032965,
  "gcor": 0.015798,
  "gsr_x": -0.020194036886096,
  "gsr_y": 0.01628049835562706,
  "provenance": {
    "md5sum": "4b99f5bca22a52f283596cc197967336",
    "settings": {
      "fd_thres": 0.2,
      "testing": false
    },
    "software": "mriqc",
    "version": "22.0.0rc1",
    "webapi_port": null,
    "webapi_url": "https://mriqc.nimh.nih.gov/api/v1"
  },
  "size_t": 243,
  "size_x": 80,
  "size_y": 80,
  "size_z": 37,
  "snr": 5.468555394893063,
  "spacing_tr": 2.0,
  "spacing_x": 3.0,
  "spacing_y": 3.0,
  "spacing_z": 3.299999952316284,
  "summary_bg_k": 23.396211717794433,
  "summary_bg_mad": 60.76118172723366,
  "summary_bg_mean": 625.5425415039062,
  "summary_bg_median": 55.428466796875,
  "summary_bg_n": 164240.0,
  "summary_bg_p05": 4.694647669792175,
  "summary_bg_p95": 3998.103686523434,
  "summary_bg_stdv": 1667.40087890625,
  "summary_fg_k": 1.672877353958345,
  "summary_fg_mad": 3658.7162382305924,
  "summary_fg_mean": 21212.77734375,
  "summary_fg_median": 20807.6015625,
  "summary_fg_n": 32542.0,
  "summary_fg_p05": 16013.168896484374,
  "summary_fg_p95": 27782.827734374994,
  "summary_fg_stdv": 3804.8955078125,
  "tsnr": 65.83094024658203
}