{
  "aor": 0.0057693,
  "aqi": 0.005336020150000001,
  "bids_meta": {
    "AcquisitionNumber": 9,
    "BidsifyVersion": "0.3.5",
    "ConversionSoftware": "dcm2niix",
    "ConversionSoftwareVersion": "v1.0.20181125  GCC6.3.0",
    "EchoTime": 0.02762,
    "EffectiveEchoSpacing": 0.0006621159151938905,
    "ImageComments": "piop",
    "ImageOrientationPatientDICOM": [
      0.999799,
      -0.0164372,
      0.0115171,
      0.0176261,
      0.993535,
      -0.112151
    ],
    "Manufacturer": "Philips",
    "NumberOfVolumesDiscardedByScanner": 2,
    "ParallelAcquisitionTechnique": "SENSE",
    "ParallelReductionFactorInPlane": 2,
    "PatientPosition": "HFS",
    "PhaseEncodingDirection": "j",
    "PhilipsRescaleIntercept": 0,
    "PhilipsRescaleSlope": 0.74799,
    "PhilipsScaleSlope": 0.0744086,
    "ProtocolName": "WIPpiopanticipatieSENSE",
    "PulseSequenceType": "gradient echo EPI",
    "ReconMatrixPE": 80,
    "RepetitionTime": 2,
    "SeriesDescription": "ImageMRSERIES",
    "SeriesNumber": 9,
    "SliceEncodingDirection": "k",
    "SliceTiming": [
      0.0,
      0.0541,
      0.1081,
      0.1622,
      0.2162,
      0.2703,
      0.3243,
      0.3784,
      0.4324,
      0.4865,
      0.5405,
      0.5946,
      0.6486,
      0.7027,
      0.7568,
      0.8108,
      0.8649,
      0.9189,
      0.973,
      1.027,
      1.0811,
      1.1351,
      1.1892,
      1.2432,
      1.2973,
      1.3514,
      1.4054,
      1.4595,
      1.5135,
      1.5676,
      1.6216,
      1.6757,
      1.7297,
      1.7838,
      1.8378,
      1.8919,
      1.9459
    ],
    "TaskName": "anticipation",
    "TotalReadoutTime": 0.025822520692561732,
    "UsePhilipsFloatNotDisplayScaling": 1,
    "acq_id": "seq",
    "dataset": "ds002785",
    "modality": "bold",
    "subject_id": "0097",
    "task_id": "anticipation"
  },
  "dummy_trs": 0,
  "dvars_nstd": 22.373307980753758,
  "dvars_std": 1.2567559024120607,
  "dvars_vstd": 1.0487171579396986,
  "efc": 0.42204157552954746,
  "fber": 136105.1875,
  "fd_mean": 0.1586914678627999,
  "fd_num": 38,
  "fd_perc": 19.0,
  "fwhm_avg": 1.845154149932231,
  "fwhm_x": 1.7684566666666666,
  "fwhm_y": 1.9984966666666668,
  "fwhm_z": 1.7685091164633595,
  "gcor": 0.0369807,
  "gsr_x": -0.020365478470921516,
  "gsr_y": 0.014699662104249,
  "provenance": {
    "md5sum": "3f2eff5814b298802b91fb5a990e3d5f",
    "settings": {
      "fd_thres": 0.2,
      "testing": false
    },
    "software": "mriqc",
    "version": "22.0.0rc1",
    "webapi_port": null,
    "webapi_url": "https://mriqc.nimh.nih.gov/api/v1"
  },
  "size_t": 200,
  "size_x": 80,
  "size_y": 80,
  "size_z": 37,
  "snr": 5.237257965773326,
  "spacing_tr": 2.0,
  "spacing_x": 3.0,
  "spacing_y": 3.0,
  "spacing_z": 3.299999952316284,
  "summary_bg_k": 20.22345314110893,
  "summary_bg_mad": 60.93223843432587,
  "summary_bg_mean": 650.6660766601562,
  "summary_bg_median": 54.66542434692383,
  "summary_bg_n": 164159.0,
  "summary_bg_p05": 4.696067953109741,
  "summary_bg_p95": 4259.456982421878,
  "summary_bg_stdv": 1722.6619873046875,
  "summary_fg_k": 1.5301319283604453,
  "summary_fg_mad": 3729.3048989347153,
  "summary_fg_mean": 21078.30078125,
  "summary_fg_median": 20656.798828125,
  "summary_fg_n": 32590.0,
  "summary_fg_p05": 15599.70439453125,
  "summary_fg_p95": 28024.04140625,
  "summary_fg_stdv": 3944.140625,
  "tsnr": 68.79208374023438
}