{
  "aor": 0.0010336419753086419,
  "aqi": 0.0029462376543209876,
  "bids_meta": {
    "AcquisitionNumber": 8,
    "BidsifyVersion": "0.3.5",
    "ConversionSoftware": "dcm2niix",
    "ConversionSoftwareVersion": "v1.0.20181125  GCC6.3.0",
    "EchoTime": 0.02762,
    "ImageComments": "piop",
    "ImageOrientationPatientDICOM": [
      0.99787,
      0.0651708,
      0.00291885,
      -0.0641796,
      0.988745,
      -0.135144
    ],
    "Manufacturer": "Philips",
    "NumberOfVolumesDiscardedByScanner": 2,
    "ParallelAcquisitionTechnique": "SENSE",
    "ParallelReductionFactorInPlane": 2,
    "PatientPosition": "HFS",
    "PhaseEncodingDirection": "j",
    "PhilipsRescaleIntercept": 0,
    "PhilipsRescaleSlope": 0.7663,
    "PhilipsScaleSlope": 0.0548714,
    "ProtocolName": "WIPpiopwmSENSE",
    "PulseSequenceType": "gradient echo EPI",
    "ReconMatrixPE": 80,
    "RepetitionTime": 2,
    "SeriesDescription": "ImageMRSERIES",
    "SeriesNumber": 8,
    "SliceEncodingDirection": "k",
    "TaskName": "workingmemory",
    "UsePhilipsFloatNotDisplayScaling": 1,
    "acq_id": "seq",
    "dataset": "ds002785",
    "modality": "bold",
    "subject_id": "0211",
    "task_id": "workingmemory"
  },
  "dummy_trs": 0,
  "dvars_nstd": 17.90670135465839,
  "dvars_std": 1.199782342360248,
  "dvars_vstd": 1.0153758772049686,
  "efc": 0.4223248423775232,
  "fber": 197110.796875,
  "fd_mean": 0.09113944469442097,
  "fd_num": 4,
  "fd_perc": 2.4691358024691357,
  "fwhm_avg": 1.7112725331312122,
  "fwhm_x": 1.6511433333333334,
  "fwhm_y": 1.8469166666666668,
  "fwhm_z": 1.6357575993936364,
  "gcor": 0.0170466,
  "gsr_x": -0.021089687943458557,
  "gsr_y": 0.01629098877310753,
  "provenance": {
    "md5sum": "6b3b418b01e74d96f260bd57b3db95e0",
    "settings": {
      "fd_thres": 0.2,
      "testing": false
    },
    "software": "mriqc",
    "version": "23.0.1",
    "webapi_port": null,
    "webapi_url": "https://mriqc.nimh.nih.gov/api/v1"
  },
  "size_t": 162,
  "size_x": 80,
  "size_y": 80,
  "size_z": 37,
  "snr": 5.2005762384995275,
  "spacing_tr": 2.0,
  "spacing_x": 3.0,
  "spacing_y": 3.0,
  "spacing_z": 3.299999952316284,
  "summary_bg_k": 60.769373984099865,
  "summary_bg_mad": 59.61172513748645,
  "summary_bg_mean": 661.3684692382812,
  "summary_bg_median": 55.16278839111328,
  "summary_bg_n": 162140.0,
  "summary_bg_p05": 4.27307620048523,
  "summary_bg_p95": 3843.4230102539036,
  "summary_bg_stdv": 1963.1087646484375,
  "summary_fg_k": 1.968018232860345,
  "summary_fg_mad": 4511.713471261551,
  "summary_fg_mean": 25784.1328125,
  "summary_fg_median": 25329.3046875,
  "summary_fg_n": 33956.0,
  "summary_fg_p05": 18936.9306640625,
  "summary_fg_p95": 33799.021484375,
  "summary_fg_stdv": 4870.40869140625,
  "tsnr": 89.52070617675781
}