{
  "aor": 0.00030535714285714286,
  "aqi": 0.008084842710084033,
  "bids_meta": {
    "AcquisitionNumber": 6,
    "BidsifyVersion": "0.3.5",
    "ConversionSoftware": "dcm2niix",
    "ConversionSoftwareVersion": "v1.0.20181125  GCC6.3.0",
    "EchoTime": 0.02762,
    "ImageComments": "piop",
    "ImageOrientationPatientDICOM": [
      0.99787,
      0.0651708,
      0.00291885,
      -0.0641796,
      0.988745,
      -0.135144
    ],
    "Manufacturer": "Philips",
    "NumberOfVolumesDiscardedByScanner": 2,
    "ParallelAcquisitionTechnique": "SENSE",
    "ParallelReductionFactorInPlane": 2,
    "PatientPosition": "HFS",
    "PhaseEncodingDirection": "j",
    "PhilipsRescaleIntercept": 0,
    "PhilipsRescaleSlope": 0.8083,
    "PhilipsScaleSlope": 0.0830745,
    "ProtocolName": "WIPpioprsSENSE",
    "PulseSequenceType": "gradient echo EPI",
    "ReconMatrixPE": 80,
    "RepetitionTime": 0.75,
    "SeriesDescription": "ImageMRSERIES",
    "SeriesNumber": 6,
    "SliceEncodingDirection": "k",
    "TaskName": "restingstate",
    "UsePhilipsFloatNotDisplayScaling": 1,
    "acq_id": "mb3",
    "dataset": "ds002785",
    "modality": "bold",
    "subject_id": "0211",
    "task_id": "restingstate"
  },
  "dummy_trs": 4,
  "dvars_nstd": 24.962848306000005,
  "dvars_std": 1.1079557544421057,
  "dvars_vstd": 1.0004552288210535,
  "efc": 0.42615702175494025,
  "fber": 226891.859375,
  "fd_mean": 0.09749404736037529,
  "fd_num": 16,
  "fd_perc": 3.361344537815126,
  "fwhm_avg": 1.724587280508622,
  "fwhm_x": 1.6683366666666668,
  "fwhm_y": 1.8898766666666666,
  "fwhm_z": 1.6155485081925323,
  "gcor": 0.00856128,
  "gsr_x": -0.0224728025496006,
  "gsr_y": 0.014517705887556076,
  "provenance": {
    "md5sum": "460018f40fd4eefa593f5df4b0147fea",
    "settings": {
      "fd_thres": 0.2,
      "testing": false
    },
    "software": "mriqc",
    "version": "23.0.1",
    "webapi_port": null,
    "webapi_url": "https://mriqc.nimh.nih.gov/api/v1"
  },
  "size_t": 476,
  "size_x": 80,
  "size_y": 80,
  "size_z": 36,
  "snr": 6.661491444601847,
  "spacing_tr": 0.75,
  "spacing_x": 3.0,
  "spacing_y": 3.0,
  "spacing_z": 3.299999952316284,
  "summary_bg_k": 46.62163937098239,
  "summary_bg_mad": 43.8987592814845,
  "summary_bg_mean": 469.35772705078125,
  "summary_bg_median": 36.82305145263672,
  "summary_bg_n": 157470.0,
  "summary_bg_p05": 1.954235363006592,
  "summary_bg_p95": 2696.5733886718745,
  "summary_bg_stdv": 1350.681884765625,
  "summary_fg_k": 2.1929903306840464,
  "summary_fg_mad": 2463.9299668073063,
  "summary_fg_mean": 18101.20703125,
  "summary_fg_median": 18019.326171875,
  "summary_fg_n": 32982.0,
  "summary_fg_p05": 14037.4140625,
  "summary_fg_p95": 22475.190136718746,
  "summary_fg_stdv": 2704.957763671875,
  "tsnr": 56.80509567260742
}