{
  "aor": 0.0007994285714285716,
  "aqi": 0.003777103877551021,
  "bids_meta": {
    "AcquisitionNumber": 3,
    "BidsifyVersion": "0.3.5",
    "ConversionSoftware": "dcm2niix",
    "ConversionSoftwareVersion": "v1.0.20181125  GCC6.3.0",
    "EchoTime": 0.02762,
    "ImageComments": "piop",
    "ImageOrientationPatientDICOM": [
      0.99787,
      0.0651708,
      0.00291885,
      -0.0641796,
      0.988745,
      -0.135144
    ],
    "Manufacturer": "Philips",
    "NumberOfVolumesDiscardedByScanner": 2,
    "ParallelAcquisitionTechnique": "SENSE",
    "ParallelReductionFactorInPlane": 2,
    "PatientPosition": "HFS",
    "PhaseEncodingDirection": "j",
    "PhilipsRescaleIntercept": 0,
    "PhilipsRescaleSlope": 0.81368,
    "PhilipsScaleSlope": 0.0523298,
    "ProtocolName": "WIPpiopgstroopSENSE",
    "PulseSequenceType": "gradient echo EPI",
    "ReconMatrixPE": 80,
    "RepetitionTime": 2,
    "SeriesDescription": "ImageMRSERIES",
    "SeriesNumber": 3,
    "SliceEncodingDirection": "k",
    "TaskName": "gstroop",
    "UsePhilipsFloatNotDisplayScaling": 1,
    "acq_id": "seq",
    "dataset": "ds002785",
    "modality": "bold",
    "subject_id": "0211",
    "task_id": "gstroop"
  },
  "dummy_trs": 0,
  "dvars_nstd": 18.893211000737708,
  "dvars_std": 1.1941534574590158,
  "dvars_vstd": 0.9896893113114754,
  "efc": 0.4215431523681029,
  "fber": 193844.859375,
  "fd_mean": 0.10569715152404174,
  "fd_num": 15,
  "fd_perc": 6.122448979591836,
  "fwhm_avg": 1.6827408158052928,
  "fwhm_x": 1.6246366666666667,
  "fwhm_y": 1.8198433333333333,
  "fwhm_z": 1.6037424474158786,
  "gcor": 0.0296247,
  "gsr_x": -0.021307770162820816,
  "gsr_y": 0.017088836058974266,
  "provenance": {
    "md5sum": "ee8b61ce3902201a4dfb98db92db06a8",
    "settings": {
      "fd_thres": 0.2,
      "testing": false
    },
    "software": "mriqc",
    "version": "23.0.1",
    "webapi_port": null,
    "webapi_url": "https://mriqc.nimh.nih.gov/api/v1"
  },
  "size_t": 245,
  "size_x": 80,
  "size_y": 80,
  "size_z": 37,
  "snr": 5.255912391915545,
  "spacing_tr": 2.0,
  "spacing_x": 3.0,
  "spacing_y": 3.0,
  "spacing_z": 3.299999952316284,
  "summary_bg_k": 71.40448707914906,
  "summary_bg_mad": 62.10902962584659,
  "summary_bg_mean": 654.337646484375,
  "summary_bg_median": 56.11624526977539,
  "summary_bg_n": 162250.0,
  "summary_bg_p05": 3.9674945354461673,
  "summary_bg_p95": 3791.465808105457,
  "summary_bg_stdv": 1972.7147216796875,
  "summary_fg_k": 2.1290095525107535,
  "summary_fg_mad": 4522.489846566567,
  "summary_fg_mean": 25944.896484375,
  "summary_fg_median": 25493.134765625,
  "summary_fg_n": 33881.0,
  "summary_fg_p05": 19202.59765625,
  "summary_fg_p95": 33913.51171875,
  "summary_fg_stdv": 4850.30126953125,
  "tsnr": 81.08343505859375
}