{
  "bids_meta": {
    "AcquisitionNumber": 4,
    "BidsifyVersion": "0.3.5",
    "ConversionSoftware": "dcm2niix",
    "ConversionSoftwareVersion": "v1.0.20181125  GCC6.3.0",
    "EchoTime": 0.00374,
    "ImageComments": "piop",
    "ImageOrientationPatientDICOM": [
      0.998763,
      -0.00370741,
      -0.0495906,
      0.000871585,
      0.998369,
      -0.0570846
    ],
    "Manufacturer": "Philips",
    "PatientPosition": "HFS",
    "PhilipsRescaleIntercept": 0,
    "PhilipsRescaleSlope": 8.758,
    "PhilipsScaleSlope": 0.0071907,
    "ProtocolName": "WIPt13dSENSE",
    "ReconMatrixPE": 240,
    "RepetitionTime": 0.008181,
    "SeriesDescription": "ImageMRSERIES",
    "SeriesNumber": 4,
    "UsePhilipsFloatNotDisplayScaling": 1,
    "dataset": "ds002785",
    "modality": "T1w",
    "subject_id": "0009"
  },
  "cjv": 0.31918661674993737,
  "cnr": 3.966385490240707,
  "efc": 0.7398891008855905,
  "fber": 1503.0693359375,
  "fwhm_avg": 3.4832868061828695,
  "fwhm_x": 3.42778,
  "fwhm_y": 3.647710217420472,
  "fwhm_z": 3.374370201128137,
  "icvs_csf": 0.23753461696090478,
  "icvs_gm": 0.42647552450059595,
  "icvs_wm": 0.33598985853849933,
  "inu_med": 1.6829092502593994,
  "inu_range": 0.31183649897575383,
  "provenance": {
    "md5sum": "0f8fef7a9aa9439c9c6ae8435cfaadfd",
    "settings": {
      "testing": false
    },
    "software": "mriqc",
    "version": "22.0.0rc1",
    "warnings": {
      "large_rot_frame": true,
      "small_air_mask": true
    },
    "webapi_port": null,
    "webapi_url": "https://mriqc.nimh.nih.gov/api/v1"
  },
  "qi_1": 0.0,
  "qi_2": 9.331198799826412e-05,
  "rpve_csf": 30.356928187091587,
  "rpve_gm": 17.401136013030655,
  "rpve_wm": 27.966945592782647,
  "size_x": 240,
  "size_y": 240,
  "size_z": 220,
  "snr_csf": 3.325780905086795,
  "snr_gm": 7.672734484787819,
  "snr_total": 10.321895433805151,
  "snr_wm": 19.96717091154084,
  "snrd_csf": 25.49957799547688,
  "snrd_gm": 47.18872368173626,
  "snrd_total": 49.61587599487595,
  "snrd_wm": 76.1593263074147,
  "spacing_x": 1.0,
  "spacing_y": 0.9999999403953552,
  "spacing_z": 0.9999999403953552,
  "summary_bg_k": 26.91416629380006,
  "summary_bg_mad": 8.602113635984193,
  "summary_bg_mean": 14.948180198669434,
  "summary_bg_median": 11.479349136352539,
  "summary_bg_n": 183886.0,
  "summary_bg_p05": 0.0,
  "summary_bg_p95": 39.859089851379395,
  "summary_bg_stdv": 12.988102912902832,
  "summary_csf_k": 0.3216869220188583,
  "summary_csf_mad": 81.69510141392506,
  "summary_csf_mean": 317.15484619140625,
  "summary_csf_median": 334.8161926269531,
  "summary_csf_n": 4185.0,
  "summary_csf_p05": 116.08602752685547,
  "summary_csf_p95": 461.4273193359375,
  "summary_csf_stdv": 100.66092681884766,
  "summary_gm_k": 0.3778035461094915,
  "summary_gm_mad": 76.85528836127897,
  "summary_gm_mean": 620.3436279296875,
  "summary_gm_median": 619.6004028320312,
  "summary_gm_n": 14708.0,
  "summary_gm_p05": 487.7902374267578,
  "summary_gm_p95": 754.0447143554687,
  "summary_gm_stdv": 80.75078582763672,
  "summary_wm_k": 1.010245137957038,
  "summary_wm_mad": 44.56063946315062,
  "summary_wm_mean": 998.6007690429688,
  "summary_wm_median": 999.9920654296875,
  "summary_wm_n": 136546.0,
  "summary_wm_p05": 914.5101013183594,
  "summary_wm_p95": 1077.8741455078125,
  "summary_wm_stdv": 50.081626892089844,
  "tpm_overlap_csf": 0.15585468709468842,
  "tpm_overlap_gm": 0.4419505000114441,
  "tpm_overlap_wm": 0.49256008863449097,
  "wm2max": 0.7238168053805395
}