{
  "aor": 0.0005340816326530612,
  "aqi": 0.003281783387755102,
  "bids_meta": {
    "AcquisitionNumber": 3,
    "BidsifyVersion": "0.3.5",
    "ConversionSoftware": "dcm2niix",
    "ConversionSoftwareVersion": "v1.0.20181125  GCC6.3.0",
    "EchoTime": 0.02762,
    "EffectiveEchoSpacing": 0.0006621159151938905,
    "ImageComments": "Piop",
    "ImageOrientationPatientDICOM": [
      0.999386,
      0.0349887,
      -0.00159892,
      -0.0348993,
      0.998623,
      0.0391651
    ],
    "Manufacturer": "Philips",
    "NumberOfVolumesDiscardedByScanner": 2,
    "ParallelAcquisitionTechnique": "SENSE",
    "ParallelReductionFactorInPlane": 2,
    "PatientPosition": "HFS",
    "PhaseEncodingDirection": "j",
    "PhilipsRescaleIntercept": 0,
    "PhilipsRescaleSlope": 0.77827,
    "PhilipsScaleSlope": 0.0527834,
    "ProtocolName": "WIPpiopgstroopSENSE",
    "PulseSequenceType": "gradient echo EPI",
    "ReconMatrixPE": 80,
    "RepetitionTime": 2,
    "SeriesDescription": "ImageMRSERIES",
    "SeriesNumber": 3,
    "SliceEncodingDirection": "k",
    "SliceTiming": [
      0.0,
      0.0541,
      0.1081,
      0.1622,
      0.2162,
      0.2703,
      0.3243,
      0.3784,
      0.4324,
      0.4865,
      0.5405,
      0.5946,
      0.6486,
      0.7027,
      0.7568,
      0.8108,
      0.8649,
      0.9189,
      0.973,
      1.027,
      1.0811,
      1.1351,
      1.1892,
      1.2432,
      1.2973,
      1.3514,
      1.4054,
      1.4595,
      1.5135,
      1.5676,
      1.6216,
      1.6757,
      1.7297,
      1.7838,
      1.8378,
      1.8919,
      1.9459
    ],
    "TaskName": "gstroop",
    "TotalReadoutTime": 0.025822520692561732,
    "UsePhilipsFloatNotDisplayScaling": 1,
    "acq_id": "seq",
    "dataset": "ds002785",
    "modality": "bold",
    "subject_id": "0193",
    "task_id": "gstroop"
  },
  "dummy_trs": 0,
  "dvars_nstd": 21.64486568483607,
  "dvars_std": 1.2749029647540984,
  "dvars_vstd": 1.0050712063114757,
  "efc": 0.4566322402345657,
  "fber": 152719.765625,
  "fd_mean": 0.1210115933865129,
  "fd_num": 22,
  "fd_perc": 8.979591836734693,
  "fwhm_avg": 1.7472813210756801,
  "fwhm_x": 1.7281666666666666,
  "fwhm_y": 1.8642833333333335,
  "fwhm_z": 1.6493939632270402,
  "gcor": 0.0465452,
  "gsr_x": -0.004511836916208267,
  "gsr_y": 0.011374878697097301,
  "provenance": {
    "md5sum": "87fd8b44f52249d904c36c2fca95e217",
    "settings": {
      "fd_thres": 0.2,
      "testing": false
    },
    "software": "mriqc",
    "version": "22.0.0rc1",
    "webapi_port": null,
    "webapi_url": "https://mriqc.nimh.nih.gov/api/v1"
  },
  "size_t": 245,
  "size_x": 80,
  "size_y": 80,
  "size_z": 37,
  "snr": 5.997545781988775,
  "spacing_tr": 2.0,
  "spacing_x": 3.0,
  "spacing_y": 3.0,
  "spacing_z": 3.299999952316284,
  "summary_bg_k": 30.1427923328063,
  "summary_bg_mad": 70.46508695392008,
  "summary_bg_mean": 903.93017578125,
  "summary_bg_median": 68.1452407836914,
  "summary_bg_n": 155949.0,
  "summary_bg_p05": 8.370972824096683,
  "summary_bg_p95": 5584.168164062501,
  "summary_bg_stdv": 2351.377685546875,
  "summary_fg_k": 1.386009115736253,
  "summary_fg_mad": 4353.308138331822,
  "summary_fg_mean": 27586.12109375,
  "summary_fg_median": 27262.119140625,
  "summary_fg_n": 38843.0,
  "summary_fg_p05": 20925.698828125,
  "summary_fg_p95": 35045.110156250004,
  "summary_fg_stdv": 4545.4873046875,
  "tsnr": 91.08820343017578
}