{
  "bids_meta": {
    "AcquisitionNumber": 4,
    "BidsifyVersion": "0.3.5",
    "ConversionSoftware": "dcm2niix",
    "ConversionSoftwareVersion": "v1.0.20181125  GCC6.3.0",
    "EchoTime": 0.00386,
    "ImageComments": "Piop",
    "ImageOrientationPatientDICOM": [
      0.999556,
      0.0222656,
      -0.0198233,
      -0.026698,
      0.964445,
      -0.262932
    ],
    "Manufacturer": "Philips",
    "PatientPosition": "HFS",
    "PhilipsRescaleIntercept": 0,
    "PhilipsRescaleSlope": 9.1707,
    "PhilipsScaleSlope": 0.00688282,
    "ProtocolName": "WIPt13dSENSE",
    "ReconMatrixPE": 240,
    "RepetitionTime": 0.00838,
    "SeriesDescription": "ImageMRSERIES",
    "SeriesNumber": 4,
    "UsePhilipsFloatNotDisplayScaling": 1,
    "dataset": "ds002785",
    "modality": "T1w",
    "subject_id": "0123"
  },
  "cjv": 0.37187938127804704,
  "cnr": 3.337780596096285,
  "efc": 0.7883968633544689,
  "fber": 140.24034118652344,
  "fwhm_avg": 3.46209,
  "fwhm_x": 3.49234,
  "fwhm_y": 3.60016,
  "fwhm_z": 3.29377,
  "icvs_csf": 0.2065727680757783,
  "icvs_gm": 0.40520946699123167,
  "icvs_wm": 0.38821776493299004,
  "inu_med": 0.9908989071846008,
  "inu_range": 0.46990262567996977,
  "provenance": {
    "md5sum": "0195ccbec69def2e8ab08db294698207",
    "settings": {
      "testing": false
    },
    "software": "mriqc",
    "version": "22.0.0rc1",
    "warnings": {
      "large_rot_frame": true,
      "small_air_mask": true
    },
    "webapi_port": null,
    "webapi_url": "https://mriqc.nimh.nih.gov/api/v1"
  },
  "qi_1": 0.0,
  "qi_2": 0.00012953581688634133,
  "rpve_csf": 25.848780588198974,
  "rpve_gm": 13.674445450851497,
  "rpve_wm": 18.556687014264924,
  "size_x": 240,
  "size_y": 240,
  "size_z": 220,
  "snr_csf": 2.275809424525818,
  "snr_gm": 6.781609296704314,
  "snr_total": 8.704280036648063,
  "snr_wm": 17.05542138871406,
  "snrd_csf": 13.957057469723505,
  "snrd_gm": 27.140851449058594,
  "snrd_total": 28.174511033314,
  "snrd_wm": 43.4256241811599,
  "spacing_x": 1.0,
  "spacing_y": 1.0,
  "spacing_z": 1.0,
  "summary_bg_k": 529.4879703074427,
  "summary_bg_mad": 15.086730588894742,
  "summary_bg_mean": 25.37881851196289,
  "summary_bg_median": 20.166481018066406,
  "summary_bg_n": 240746.0,
  "summary_bg_p05": 0.0,
  "summary_bg_p95": 69.06480407714844,
  "summary_bg_stdv": 26.30635643005371,
  "summary_csf_k": 5.091924922786749,
  "summary_csf_mad": 167.10813284494458,
  "summary_csf_mean": 302.8246154785156,
  "summary_csf_median": 321.408447265625,
  "summary_csf_n": 7303.0,
  "summary_csf_p05": 91.0748390197754,
  "summary_csf_p95": 507.90278320312484,
  "summary_csf_stdv": 141.21852111816406,
  "summary_gm_k": 0.5557019215719601,
  "summary_gm_mad": 84.70030281020016,
  "summary_gm_mean": 630.9990844726562,
  "summary_gm_median": 625.0098876953125,
  "summary_gm_n": 17470.0,
  "summary_gm_p05": 488.7699310302734,
  "summary_gm_p95": 794.1033966064454,
  "summary_gm_stdv": 92.15983581542969,
  "summary_wm_k": 0.6441101903676083,
  "summary_wm_mad": 54.75891392143139,
  "summary_wm_mean": 998.6209106445312,
  "summary_wm_median": 1000.0218505859375,
  "summary_wm_n": 231000.0,
  "summary_wm_p05": 900.0416809082031,
  "summary_wm_p95": 1091.4718872070312,
  "summary_wm_stdv": 58.63353729248047,
  "tpm_overlap_csf": 0.16178622841835022,
  "tpm_overlap_gm": 0.4330790042877197,
  "tpm_overlap_wm": 0.5102883577346802,
  "wm2max": 0.5203485520321409
}