{
  "aor": 0.000493030303030303,
  "aqi": 0.005750941818181817,
  "bids_meta": {
    "AcquisitionNumber": 2,
    "BidsifyVersion": "0.3.5",
    "ConversionSoftware": "dcm2niix",
    "ConversionSoftwareVersion": "v1.0.20181125  GCC6.3.0",
    "EchoTime": 0.02762,
    "EffectiveEchoSpacing": 0.0006333282667071997,
    "ImageComments": "Piop",
    "ImageOrientationPatientDICOM": [
      0.998719,
      0.0490363,
      -0.0124838,
      -0.0505929,
      0.963448,
      -0.263073
    ],
    "Manufacturer": "Philips",
    "NumberOfVolumesDiscardedByScanner": 2,
    "ParallelAcquisitionTechnique": "SENSE",
    "ParallelReductionFactorInPlane": 2,
    "PatientPosition": "HFS",
    "PhaseEncodingDirection": "j",
    "PhilipsRescaleIntercept": 0,
    "PhilipsRescaleSlope": 0.75018,
    "PhilipsScaleSlope": 0.089418,
    "ProtocolName": "WIPpiopfacesSENSE",
    "PulseSequenceType": "gradient echo EPI",
    "ReconMatrixPE": 80,
    "RepetitionTime": 0.75,
    "SeriesDescription": "ImageMRSERIES",
    "SeriesNumber": 2,
    "SliceEncodingDirection": "k",
    "SliceTiming": [
      0.0,
      0.06755050505050506,
      0.1351010101010101,
      0.20265151515151517,
      0.2702020202020202,
      0.3377525252525253,
      0.40530303030303033,
      0.47285353535353536,
      0.5404040404040404,
      0.6079545454545455,
      0.6755050505050506,
      0.7430555555555556,
      0.0,
      0.06755050505050506,
      0.1351010101010101,
      0.20265151515151517,
      0.2702020202020202,
      0.3377525252525253,
      0.40530303030303033,
      0.47285353535353536,
      0.5404040404040404,
      0.6079545454545455,
      0.6755050505050506,
      0.7430555555555556,
      0.0,
      0.06755050505050506,
      0.1351010101010101,
      0.20265151515151517,
      0.2702020202020202,
      0.3377525252525253,
      0.40530303030303033,
      0.47285353535353536,
      0.5404040404040404,
      0.6079545454545455,
      0.6755050505050506,
      0.7430555555555556
    ],
    "TaskName": "faces",
    "TotalReadoutTime": 0.024699802401580786,
    "UsePhilipsFloatNotDisplayScaling": 1,
    "acq_id": "mb3",
    "dataset": "ds002785",
    "modality": "bold",
    "subject_id": "0002",
    "task_id": "faces"
  },
  "dummy_trs": 0,
  "dvars_nstd": 26.397322089483286,
  "dvars_std": 1.2066801174164123,
  "dvars_vstd": 1.0079622029179336,
  "efc": 0.4517595485792471,
  "fber": 145736.78125,
  "fd_mean": 0.1292758925655763,
  "fd_num": 39,
  "fd_perc": 11.818181818181818,
  "fwhm_avg": 2.1777353101688712,
  "fwhm_x": 2.2011333333333334,
  "fwhm_y": 2.33743,
  "fwhm_z": 1.9946425971732802,
  "gcor": 0.0331858,
  "gsr_x": -0.019395386800169945,
  "gsr_y": 0.012775030918419361,
  "provenance": {
    "md5sum": "dbdde87aa873cf4b7ceb5011fd1ae46f",
    "settings": {
      "fd_thres": 0.2,
      "testing": false
    },
    "software": "mriqc",
    "version": "22.0.0rc1",
    "webapi_port": null,
    "webapi_url": "https://mriqc.nimh.nih.gov/api/v1"
  },
  "size_t": 330,
  "size_x": 80,
  "size_y": 80,
  "size_z": 36,
  "snr": 6.146043104618812,
  "spacing_tr": 0.75,
  "spacing_x": 3.0,
  "spacing_y": 3.0,
  "spacing_z": 3.299999713897705,
  "summary_bg_k": 53.02163172766555,
  "summary_bg_mad": 52.503775694525,
  "summary_bg_mean": 406.6961364746094,
  "summary_bg_median": 47.22241973876953,
  "summary_bg_n": 149889.0,
  "summary_bg_p05": 3.1924273014068607,
  "summary_bg_p95": 1925.8237548828129,
  "summary_bg_stdv": 1158.264892578125,
  "summary_fg_k": 0.6192305967671281,
  "summary_fg_mad": 2877.0359363294488,
  "summary_fg_mean": 18566.78125,
  "summary_fg_median": 18466.05859375,
  "summary_fg_n": 39111.0,
  "summary_fg_p05": 13860.3935546875,
  "summary_fg_p95": 23484.1318359375,
  "summary_fg_stdv": 3004.505859375,
  "tsnr": 63.25932312011719
}