{
  "aor": 0.0016598518518518518,
  "aqi": 0.0035066377777777775,
  "bids_meta": {
    "AcquisitionNumber": 5,
    "BidsifyVersion": "0.3.5",
    "ConversionSoftware": "dcm2niix",
    "ConversionSoftwareVersion": "v1.0.20181125  GCC6.3.0",
    "EchoTime": 0.02762,
    "EffectiveEchoSpacing": 0.0006621159151938905,
    "ImageComments": "Piop",
    "ImageOrientationPatientDICOM": [
      0.998719,
      0.0490363,
      -0.0124838,
      -0.0505929,
      0.963448,
      -0.263073
    ],
    "Manufacturer": "Philips",
    "NumberOfVolumesDiscardedByScanner": 2,
    "ParallelAcquisitionTechnique": "SENSE",
    "ParallelReductionFactorInPlane": 2,
    "PatientPosition": "HFS",
    "PhaseEncodingDirection": "j",
    "PhilipsRescaleIntercept": 0,
    "PhilipsRescaleSlope": 0.85836,
    "PhilipsScaleSlope": 0.0518136,
    "ProtocolName": "WIPpiopharririSENSE",
    "PulseSequenceType": "gradient echo EPI",
    "ReconMatrixPE": 80,
    "RepetitionTime": 2,
    "SeriesDescription": "ImageMRSERIES",
    "SeriesNumber": 5,
    "SliceEncodingDirection": "k",
    "SliceTiming": [
      0.0,
      0.0541,
      0.1081,
      0.1622,
      0.2162,
      0.2703,
      0.3243,
      0.3784,
      0.4324,
      0.4865,
      0.5405,
      0.5946,
      0.6486,
      0.7027,
      0.7568,
      0.8108,
      0.8649,
      0.9189,
      0.973,
      1.027,
      1.0811,
      1.1351,
      1.1892,
      1.2432,
      1.2973,
      1.3514,
      1.4054,
      1.4595,
      1.5135,
      1.5676,
      1.6216,
      1.6757,
      1.7297,
      1.7838,
      1.8378,
      1.8919,
      1.9459
    ],
    "TaskName": "emomatching",
    "TotalReadoutTime": 0.025822520692561732,
    "UsePhilipsFloatNotDisplayScaling": 1,
    "acq_id": "seq",
    "dataset": "ds002785",
    "modality": "bold",
    "subject_id": "0002",
    "task_id": "emomatching"
  },
  "dummy_trs": 0,
  "dvars_nstd": 21.986885035373135,
  "dvars_std": 1.3643583947014923,
  "dvars_vstd": 1.0108928263432835,
  "efc": 0.4425926725154525,
  "fber": 157974.015625,
  "fd_mean": 0.07714919291536035,
  "fd_num": 4,
  "fd_perc": 2.962962962962963,
  "fwhm_avg": 1.887752028857206,
  "fwhm_x": 1.8700466666666669,
  "fwhm_y": 1.9962366666666667,
  "fwhm_z": 1.7969727532382844,
  "gcor": 0.0194727,
  "gsr_x": -0.017057480290532112,
  "gsr_y": 0.013955366797745228,
  "provenance": {
    "md5sum": "9f62f8ebc846c43b41401cbe00bde93e",
    "settings": {
      "fd_thres": 0.2,
      "testing": false
    },
    "software": "mriqc",
    "version": "22.0.0rc1",
    "webapi_port": null,
    "webapi_url": "https://mriqc.nimh.nih.gov/api/v1"
  },
  "size_t": 135,
  "size_x": 80,
  "size_y": 80,
  "size_z": 37,
  "snr": 5.261989406484431,
  "spacing_tr": 2.0,
  "spacing_x": 3.0,
  "spacing_y": 3.0,
  "spacing_z": 3.299999952316284,
  "summary_bg_k": 71.3725752220782,
  "summary_bg_mad": 69.01814944484859,
  "summary_bg_mean": 534.17431640625,
  "summary_bg_median": 60.759159088134766,
  "summary_bg_n": 154964.0,
  "summary_bg_p05": 3.358752298355103,
  "summary_bg_p95": 2527.7491821289063,
  "summary_bg_stdv": 1689.1417236328125,
  "summary_fg_k": 1.9316138770037776,
  "summary_fg_mad": 4243.557929965453,
  "summary_fg_mean": 25244.6484375,
  "summary_fg_median": 24752.052734375,
  "summary_fg_n": 39627.0,
  "summary_fg_p05": 18582.5740234375,
  "summary_fg_p95": 33132.967968749996,
  "summary_fg_stdv": 4703.875,
  "tsnr": 86.43182373046875
}