{
  "aor": 0.0031140000000000004,
  "aqi": 0.005039450962962964,
  "bids_meta": {
    "AcquisitionNumber": 5,
    "BidsifyVersion": "0.3.5",
    "ConversionSoftware": "dcm2niix",
    "ConversionSoftwareVersion": "v1.0.20181125  GCC6.3.0",
    "EchoTime": 0.02762,
    "EffectiveEchoSpacing": 0.0006621159151938905,
    "ImageComments": "piop",
    "ImageOrientationPatientDICOM": [
      0.998685,
      -0.0420524,
      0.0293081,
      0.0444768,
      0.995156,
      -0.0876772
    ],
    "Manufacturer": "Philips",
    "NumberOfVolumesDiscardedByScanner": 2,
    "ParallelAcquisitionTechnique": "SENSE",
    "ParallelReductionFactorInPlane": 2,
    "PatientPosition": "HFS",
    "PhaseEncodingDirection": "j",
    "PhilipsRescaleIntercept": 0,
    "PhilipsRescaleSlope": 0.85153,
    "PhilipsScaleSlope": 0.067641,
    "ProtocolName": "WIPpiopharririSENSE",
    "PulseSequenceType": "gradient echo EPI",
    "ReconMatrixPE": 80,
    "RepetitionTime": 2,
    "SeriesDescription": "ImageMRSERIES",
    "SeriesNumber": 5,
    "SliceEncodingDirection": "k",
    "SliceTiming": [
      0.0,
      0.0541,
      0.1081,
      0.1622,
      0.2162,
      0.2703,
      0.3243,
      0.3784,
      0.4324,
      0.4865,
      0.5405,
      0.5946,
      0.6486,
      0.7027,
      0.7568,
      0.8108,
      0.8649,
      0.9189,
      0.973,
      1.027,
      1.0811,
      1.1351,
      1.1892,
      1.2432,
      1.2973,
      1.3514,
      1.4054,
      1.4595,
      1.5135,
      1.5676,
      1.6216,
      1.6757,
      1.7297,
      1.7838,
      1.8378,
      1.8919,
      1.9459
    ],
    "TaskName": "emomatching",
    "TotalReadoutTime": 0.025822520692561732,
    "UsePhilipsFloatNotDisplayScaling": 1,
    "acq_id": "seq",
    "dataset": "ds002785",
    "modality": "bold",
    "subject_id": "0036",
    "task_id": "emomatching"
  },
  "dummy_trs": 0,
  "dvars_nstd": 26.143860204850743,
  "dvars_std": 1.4099582702985076,
  "dvars_vstd": 1.0352156385074625,
  "efc": 0.4303863322661784,
  "fber": 188759.0625,
  "fd_mean": 0.17660350237912448,
  "fd_num": 43,
  "fd_perc": 31.85185185185185,
  "fwhm_avg": 1.7904606144188158,
  "fwhm_x": 1.7357533333333333,
  "fwhm_y": 1.9003133333333333,
  "fwhm_z": 1.7353151765897805,
  "gcor": 0.027232,
  "gsr_x": -0.011285838671028614,
  "gsr_y": 0.013661776669323444,
  "provenance": {
    "md5sum": "20203b154dcba89b29b88420881c7915",
    "settings": {
      "fd_thres": 0.2,
      "testing": false
    },
    "software": "mriqc",
    "version": "22.0.0rc1",
    "webapi_port": null,
    "webapi_url": "https://mriqc.nimh.nih.gov/api/v1"
  },
  "size_t": 135,
  "size_x": 80,
  "size_y": 80,
  "size_z": 37,
  "snr": 5.604630766134939,
  "spacing_tr": 2.0,
  "spacing_x": 3.0,
  "spacing_y": 3.0,
  "spacing_z": 3.299999952316284,
  "summary_bg_k": 90.92909982232496,
  "summary_bg_mad": 53.694727291412924,
  "summary_bg_mean": 545.5194702148438,
  "summary_bg_median": 49.27687072753906,
  "summary_bg_n": 159513.0,
  "summary_bg_p05": 2.0575608730316164,
  "summary_bg_p95": 2822.6278808593747,
  "summary_bg_stdv": 1781.891357421875,
  "summary_fg_k": 1.5279731634450826,
  "summary_fg_mad": 3775.7867950508326,
  "summary_fg_mean": 22272.728515625,
  "summary_fg_median": 21902.41796875,
  "summary_fg_n": 36398.0,
  "summary_fg_p05": 16614.89638671875,
  "summary_fg_p95": 28692.255175781258,
  "summary_fg_stdv": 3907.86083984375,
  "tsnr": 77.5642318725586
}