{
  "aor": 0.0008082,
  "aqi": 0.00767853645,
  "bids_meta": {
    "AcquisitionNumber": 9,
    "BidsifyVersion": "0.3.5",
    "ConversionSoftware": "dcm2niix",
    "ConversionSoftwareVersion": "v1.0.20181125  GCC6.3.0",
    "EchoTime": 0.02762,
    "EffectiveEchoSpacing": 0.0006621159151938905,
    "ImageComments": "piop",
    "ImageOrientationPatientDICOM": [
      0.998685,
      -0.0420524,
      0.0293081,
      0.0444768,
      0.995156,
      -0.0876772
    ],
    "Manufacturer": "Philips",
    "NumberOfVolumesDiscardedByScanner": 2,
    "ParallelAcquisitionTechnique": "SENSE",
    "ParallelReductionFactorInPlane": 2,
    "PatientPosition": "HFS",
    "PhaseEncodingDirection": "j",
    "PhilipsRescaleIntercept": 0,
    "PhilipsRescaleSlope": 0.90061,
    "PhilipsScaleSlope": 0.0654114,
    "ProtocolName": "WIPpiopanticipatieSENSE",
    "PulseSequenceType": "gradient echo EPI",
    "ReconMatrixPE": 80,
    "RepetitionTime": 2,
    "SeriesDescription": "ImageMRSERIES",
    "SeriesNumber": 9,
    "SliceEncodingDirection": "k",
    "SliceTiming": [
      0.0,
      0.0541,
      0.1081,
      0.1622,
      0.2162,
      0.2703,
      0.3243,
      0.3784,
      0.4324,
      0.4865,
      0.5405,
      0.5946,
      0.6486,
      0.7027,
      0.7568,
      0.8108,
      0.8649,
      0.9189,
      0.973,
      1.027,
      1.0811,
      1.1351,
      1.1892,
      1.2432,
      1.2973,
      1.3514,
      1.4054,
      1.4595,
      1.5135,
      1.5676,
      1.6216,
      1.6757,
      1.7297,
      1.7838,
      1.8378,
      1.8919,
      1.9459
    ],
    "TaskName": "anticipation",
    "TotalReadoutTime": 0.025822520692561732,
    "UsePhilipsFloatNotDisplayScaling": 1,
    "acq_id": "seq",
    "dataset": "ds002785",
    "modality": "bold",
    "subject_id": "0036",
    "task_id": "anticipation"
  },
  "dummy_trs": 0,
  "dvars_nstd": 25.812779690200987,
  "dvars_std": 1.2801901599497485,
  "dvars_vstd": 0.9744679383417085,
  "efc": 0.43089825590856984,
  "fber": 187592.375,
  "fd_mean": 0.17715938112429983,
  "fd_num": 62,
  "fd_perc": 31.0,
  "fwhm_avg": 1.787102331454619,
  "fwhm_x": 1.7474633333333334,
  "fwhm_y": 1.9067466666666668,
  "fwhm_z": 1.707096994363857,
  "gcor": 0.0210332,
  "gsr_x": -0.010620161890983582,
  "gsr_y": 0.014864414930343628,
  "provenance": {
    "md5sum": "7ef56185a92ecc5231b279604a648e43",
    "settings": {
      "fd_thres": 0.2,
      "testing": false
    },
    "software": "mriqc",
    "version": "22.0.0rc1",
    "webapi_port": null,
    "webapi_url": "https://mriqc.nimh.nih.gov/api/v1"
  },
  "size_t": 200,
  "size_x": 80,
  "size_y": 80,
  "size_z": 37,
  "snr": 5.6005418091958346,
  "spacing_tr": 2.0,
  "spacing_x": 3.0,
  "spacing_y": 3.0,
  "spacing_z": 3.299999952316284,
  "summary_bg_k": 98.15348024804105,
  "summary_bg_mad": 53.016306017156715,
  "summary_bg_mean": 543.25341796875,
  "summary_bg_median": 48.591758728027344,
  "summary_bg_n": 159320.0,
  "summary_bg_p05": 1.963888955116272,
  "summary_bg_p95": 2819.4931884765624,
  "summary_bg_stdv": 1778.3477783203125,
  "summary_fg_k": 1.4628793353993998,
  "summary_fg_mad": 3679.4567428986516,
  "summary_fg_mean": 21955.048828125,
  "summary_fg_median": 21566.189453125,
  "summary_fg_n": 36491.0,
  "summary_fg_p05": 16333.943359375,
  "summary_fg_p95": 28290.1826171875,
  "summary_fg_stdv": 3850.679931640625,
  "tsnr": 67.20335388183594
}