{
  "aor": 0.0008389330543933054,
  "aqi": 0.008279492238493724,
  "bids_meta": {
    "AcquisitionNumber": 7,
    "BidsifyVersion": "0.3.5",
    "ConversionSoftware": "dcm2niix",
    "ConversionSoftwareVersion": "v1.0.20181125  GCC6.3.0",
    "EchoTime": 0.02762,
    "EffectiveEchoSpacing": 0.0006333282667071997,
    "ImageComments": "piop",
    "ImageOrientationPatientDICOM": [
      0.999061,
      0.0226894,
      -0.0369014,
      -0.0144736,
      0.97774,
      0.209322
    ],
    "Manufacturer": "Philips",
    "NumberOfVolumesDiscardedByScanner": 2,
    "ParallelAcquisitionTechnique": "SENSE",
    "ParallelReductionFactorInPlane": 2,
    "PatientPosition": "HFS",
    "PhaseEncodingDirection": "j",
    "PhilipsRescaleIntercept": 0,
    "PhilipsRescaleSlope": 0.82882,
    "PhilipsScaleSlope": 0.0750614,
    "ProtocolName": "WIPpioprsSENSE",
    "PulseSequenceType": "gradient echo EPI",
    "ReconMatrixPE": 80,
    "RepetitionTime": 0.75,
    "SeriesDescription": "ImageMRSERIES",
    "SeriesNumber": 7,
    "SliceEncodingDirection": "k",
    "SliceTiming": [
      0.0,
      0.06755050505050506,
      0.1351010101010101,
      0.20265151515151517,
      0.2702020202020202,
      0.3377525252525253,
      0.40530303030303033,
      0.47285353535353536,
      0.5404040404040404,
      0.6079545454545455,
      0.6755050505050506,
      0.7430555555555556,
      0.0,
      0.06755050505050506,
      0.1351010101010101,
      0.20265151515151517,
      0.2702020202020202,
      0.3377525252525253,
      0.40530303030303033,
      0.47285353535353536,
      0.5404040404040404,
      0.6079545454545455,
      0.6755050505050506,
      0.7430555555555556,
      0.0,
      0.06755050505050506,
      0.1351010101010101,
      0.20265151515151517,
      0.2702020202020202,
      0.3377525252525253,
      0.40530303030303033,
      0.47285353535353536,
      0.5404040404040404,
      0.6079545454545455,
      0.6755050505050506,
      0.7430555555555556
    ],
    "TaskName": "restingstate",
    "TotalReadoutTime": 0.024699802401580786,
    "UsePhilipsFloatNotDisplayScaling": 1,
    "acq_id": "mb3",
    "dataset": "ds002785",
    "modality": "bold",
    "subject_id": "0076",
    "task_id": "restingstate"
  },
  "dummy_trs": 2,
  "dvars_nstd": 30.510952027924528,
  "dvars_std": 1.1875085290985326,
  "dvars_vstd": 1.0162371866247382,
  "efc": 0.46640831234026836,
  "fber": 136806.953125,
  "fd_mean": 0.1184971506254896,
  "fd_num": 43,
  "fd_perc": 8.99581589958159,
  "fwhm_avg": 1.984311928184919,
  "fwhm_x": 1.9501033333333335,
  "fwhm_y": 2.1357233333333334,
  "fwhm_z": 1.867109117888091,
  "gcor": 0.0128915,
  "gsr_x": -0.018936652690172195,
  "gsr_y": 0.026811787858605385,
  "provenance": {
    "md5sum": "60d7c8fb629816d2ca101eac0714d6ca",
    "settings": {
      "fd_thres": 0.2,
      "testing": false
    },
    "software": "mriqc",
    "version": "22.0.0rc1",
    "webapi_port": null,
    "webapi_url": "https://mriqc.nimh.nih.gov/api/v1"
  },
  "size_t": 478,
  "size_x": 80,
  "size_y": 80,
  "size_z": 36,
  "snr": 6.02505168608069,
  "spacing_tr": 0.75,
  "spacing_x": 3.0,
  "spacing_y": 3.0,
  "spacing_z": 3.299999952316284,
  "summary_bg_k": 40.37343102002172,
  "summary_bg_mad": 54.54645481893601,
  "summary_bg_mean": 505.9891662597656,
  "summary_bg_median": 48.04855728149414,
  "summary_bg_n": 147946.0,
  "summary_bg_p05": 4.992954850196838,
  "summary_bg_p95": 2447.338623046875,
  "summary_bg_stdv": 1322.8895263671875,
  "summary_fg_k": 1.0115473338393999,
  "summary_fg_mad": 2911.0098240806537,
  "summary_fg_mean": 18305.587890625,
  "summary_fg_median": 18309.82421875,
  "summary_fg_n": 41024.0,
  "summary_fg_p05": 13434.91845703125,
  "summary_fg_p95": 23159.174609374997,
  "summary_fg_stdv": 3038.911865234375,
  "tsnr": 54.1595458984375
}