{
  "aor": 0.00082135,
  "aqi": 0.004323211150000001,
  "bids_meta": {
    "AcquisitionNumber": 10,
    "BidsifyVersion": "0.3.5",
    "ConversionSoftware": "dcm2niix",
    "ConversionSoftwareVersion": "v1.0.20181125  GCC6.3.0",
    "EchoTime": 0.02762,
    "EffectiveEchoSpacing": 0.0006621159151938905,
    "ImageComments": "piop",
    "ImageOrientationPatientDICOM": [
      0.999864,
      -0.00148728,
      -0.0164501,
      0.00453727,
      0.982356,
      0.186966
    ],
    "Manufacturer": "Philips",
    "NumberOfVolumesDiscardedByScanner": 2,
    "ParallelAcquisitionTechnique": "SENSE",
    "ParallelReductionFactorInPlane": 2,
    "PatientPosition": "HFS",
    "PhaseEncodingDirection": "j",
    "PhilipsRescaleIntercept": 0,
    "PhilipsRescaleSlope": 0.77582,
    "PhilipsScaleSlope": 0.0555908,
    "ProtocolName": "WIPpiopanticipatieSENSE",
    "PulseSequenceType": "gradient echo EPI",
    "ReconMatrixPE": 80,
    "RepetitionTime": 2,
    "SeriesDescription": "ImageMRSERIES",
    "SeriesNumber": 10,
    "SliceEncodingDirection": "k",
    "SliceTiming": [
      0.0,
      0.0541,
      0.1081,
      0.1622,
      0.2162,
      0.2703,
      0.3243,
      0.3784,
      0.4324,
      0.4865,
      0.5405,
      0.5946,
      0.6486,
      0.7027,
      0.7568,
      0.8108,
      0.8649,
      0.9189,
      0.973,
      1.027,
      1.0811,
      1.1351,
      1.1892,
      1.2432,
      1.2973,
      1.3514,
      1.4054,
      1.4595,
      1.5135,
      1.5676,
      1.6216,
      1.6757,
      1.7297,
      1.7838,
      1.8378,
      1.8919,
      1.9459
    ],
    "TaskName": "anticipation",
    "TotalReadoutTime": 0.025822520692561732,
    "UsePhilipsFloatNotDisplayScaling": 1,
    "acq_id": "seq",
    "dataset": "ds002785",
    "modality": "bold",
    "subject_id": "0076",
    "task_id": "anticipation"
  },
  "dummy_trs": 0,
  "dvars_nstd": 21.5329700879397,
  "dvars_std": 1.2063073046231154,
  "dvars_vstd": 0.9902820550753778,
  "efc": 0.4600170500056611,
  "fber": 164334.671875,
  "fd_mean": 0.13896694897848774,
  "fd_num": 26,
  "fd_perc": 13.0,
  "fwhm_avg": 1.9940100092097002,
  "fwhm_x": 1.9269066666666665,
  "fwhm_y": 2.1430233333333333,
  "fwhm_z": 1.9121000276291011,
  "gcor": 0.0239485,
  "gsr_x": -0.01612432301044464,
  "gsr_y": 0.0252483319491148,
  "provenance": {
    "md5sum": "5e6af10257798ca88d8007e28e0c0b6c",
    "settings": {
      "fd_thres": 0.2,
      "testing": false
    },
    "software": "mriqc",
    "version": "22.0.0rc1",
    "webapi_port": null,
    "webapi_url": "https://mriqc.nimh.nih.gov/api/v1"
  },
  "size_t": 200,
  "size_x": 80,
  "size_y": 80,
  "size_z": 37,
  "snr": 5.301776578800099,
  "spacing_tr": 2.0,
  "spacing_x": 3.0,
  "spacing_y": 3.0,
  "spacing_z": 3.299999952316284,
  "summary_bg_k": 57.72139519451372,
  "summary_bg_mad": 63.45782272975037,
  "summary_bg_mean": 650.0970458984375,
  "summary_bg_median": 59.25694274902344,
  "summary_bg_n": 152318.0,
  "summary_bg_p05": 6.816616010665894,
  "summary_bg_p95": 3207.6224365234325,
  "summary_bg_stdv": 1849.499755859375,
  "summary_fg_k": 1.3148916458819269,
  "summary_fg_mad": 4360.25204481615,
  "summary_fg_mean": 25496.609375,
  "summary_fg_median": 25087.71875,
  "summary_fg_n": 42230.0,
  "summary_fg_p05": 18498.43369140625,
  "summary_fg_p95": 33559.70898437499,
  "summary_fg_stdv": 4731.8896484375,
  "tsnr": 82.18428039550781
}