{
  "aor": 0.0006263939393939394,
  "aqi": 0.005431830818181819,
  "bids_meta": {
    "AcquisitionNumber": 2,
    "BidsifyVersion": "0.3.5",
    "ConversionSoftware": "dcm2niix",
    "ConversionSoftwareVersion": "v1.0.20181125  GCC6.3.0",
    "EchoTime": 0.02762,
    "EffectiveEchoSpacing": 0.0006333282667071997,
    "ImageComments": "piop",
    "ImageOrientationPatientDICOM": [
      0.999049,
      0.02174,
      -0.0377819,
      -0.0142991,
      0.98224,
      0.187084
    ],
    "Manufacturer": "Philips",
    "NumberOfVolumesDiscardedByScanner": 2,
    "ParallelAcquisitionTechnique": "SENSE",
    "ParallelReductionFactorInPlane": 2,
    "PatientPosition": "HFS",
    "PhaseEncodingDirection": "j",
    "PhilipsRescaleIntercept": 0,
    "PhilipsRescaleSlope": 0.9138,
    "PhilipsScaleSlope": 0.0732007,
    "ProtocolName": "WIPpiopfacesSENSE",
    "PulseSequenceType": "gradient echo EPI",
    "ReconMatrixPE": 80,
    "RepetitionTime": 0.75,
    "SeriesDescription": "ImageMRSERIES",
    "SeriesNumber": 2,
    "SliceEncodingDirection": "k",
    "SliceTiming": [
      0.0,
      0.06755050505050506,
      0.1351010101010101,
      0.20265151515151517,
      0.2702020202020202,
      0.3377525252525253,
      0.40530303030303033,
      0.47285353535353536,
      0.5404040404040404,
      0.6079545454545455,
      0.6755050505050506,
      0.7430555555555556,
      0.0,
      0.06755050505050506,
      0.1351010101010101,
      0.20265151515151517,
      0.2702020202020202,
      0.3377525252525253,
      0.40530303030303033,
      0.47285353535353536,
      0.5404040404040404,
      0.6079545454545455,
      0.6755050505050506,
      0.7430555555555556,
      0.0,
      0.06755050505050506,
      0.1351010101010101,
      0.20265151515151517,
      0.2702020202020202,
      0.3377525252525253,
      0.40530303030303033,
      0.47285353535353536,
      0.5404040404040404,
      0.6079545454545455,
      0.6755050505050506,
      0.7430555555555556
    ],
    "TaskName": "faces",
    "TotalReadoutTime": 0.024699802401580786,
    "UsePhilipsFloatNotDisplayScaling": 1,
    "acq_id": "mb3",
    "dataset": "ds002785",
    "modality": "bold",
    "subject_id": "0076",
    "task_id": "faces"
  },
  "dummy_trs": 0,
  "dvars_nstd": 26.996627013586647,
  "dvars_std": 1.1949614413981755,
  "dvars_vstd": 1.003205744285715,
  "efc": 0.46758353190199453,
  "fber": 140277.953125,
  "fd_mean": 0.13621191484728784,
  "fd_num": 49,
  "fd_perc": 14.848484848484848,
  "fwhm_avg": 2.3627942036960854,
  "fwhm_x": 2.4254700000000002,
  "fwhm_y": 2.5077700000000003,
  "fwhm_z": 2.1551426110882566,
  "gcor": 0.0166618,
  "gsr_x": -0.02086094208061695,
  "gsr_y": 0.028707152232527733,
  "provenance": {
    "md5sum": "d9eaca5259b05824f2731c65226a2054",
    "settings": {
      "fd_thres": 0.2,
      "testing": false
    },
    "software": "mriqc",
    "version": "22.0.0rc1",
    "webapi_port": null,
    "webapi_url": "https://mriqc.nimh.nih.gov/api/v1"
  },
  "size_t": 330,
  "size_x": 80,
  "size_y": 80,
  "size_z": 36,
  "snr": 5.379846293444517,
  "spacing_tr": 0.75,
  "spacing_x": 3.0,
  "spacing_y": 3.0,
  "spacing_z": 3.299999713897705,
  "summary_bg_k": 37.990179760608655,
  "summary_bg_mad": 56.13644423540866,
  "summary_bg_mean": 512.3505859375,
  "summary_bg_median": 49.06173324584961,
  "summary_bg_n": 147482.0,
  "summary_bg_p05": 5.354146647453308,
  "summary_bg_p95": 2459.884545898435,
  "summary_bg_stdv": 1295.7257080078125,
  "summary_fg_k": 0.22786667029492635,
  "summary_fg_mad": 3512.2166065145075,
  "summary_fg_mean": 18957.767578125,
  "summary_fg_median": 18917.3125,
  "summary_fg_n": 41426.0,
  "summary_fg_p05": 13235.930419921875,
  "summary_fg_p95": 24629.14794921875,
  "summary_fg_stdv": 3516.287109375,
  "tsnr": 60.93165588378906
}