{
  "aor": 0.0029730246913580245,
  "aqi": 0.004675922777777778,
  "bids_meta": {
    "AcquisitionNumber": 9,
    "BidsifyVersion": "0.3.5",
    "ConversionSoftware": "dcm2niix",
    "ConversionSoftwareVersion": "v1.0.20181125  GCC6.3.0",
    "EchoTime": 0.02762,
    "EffectiveEchoSpacing": 0.0006621159151938905,
    "ImageComments": "piop",
    "ImageOrientationPatientDICOM": [
      0.999864,
      -0.00148728,
      -0.0164501,
      0.00453727,
      0.982356,
      0.186966
    ],
    "Manufacturer": "Philips",
    "NumberOfVolumesDiscardedByScanner": 2,
    "ParallelAcquisitionTechnique": "SENSE",
    "ParallelReductionFactorInPlane": 2,
    "PatientPosition": "HFS",
    "PhaseEncodingDirection": "j",
    "PhilipsRescaleIntercept": 0,
    "PhilipsRescaleSlope": 0.76947,
    "PhilipsScaleSlope": 0.0556286,
    "ProtocolName": "WIPpiopwmSENSE",
    "PulseSequenceType": "gradient echo EPI",
    "ReconMatrixPE": 80,
    "RepetitionTime": 2,
    "SeriesDescription": "ImageMRSERIES",
    "SeriesNumber": 9,
    "SliceEncodingDirection": "k",
    "SliceTiming": [
      0.0,
      0.0541,
      0.1081,
      0.1622,
      0.2162,
      0.2703,
      0.3243,
      0.3784,
      0.4324,
      0.4865,
      0.5405,
      0.5946,
      0.6486,
      0.7027,
      0.7568,
      0.8108,
      0.8649,
      0.9189,
      0.973,
      1.027,
      1.0811,
      1.1351,
      1.1892,
      1.2432,
      1.2973,
      1.3514,
      1.4054,
      1.4595,
      1.5135,
      1.5676,
      1.6216,
      1.6757,
      1.7297,
      1.7838,
      1.8378,
      1.8919,
      1.9459
    ],
    "TaskName": "workingmemory",
    "TotalReadoutTime": 0.025822520692561732,
    "UsePhilipsFloatNotDisplayScaling": 1,
    "acq_id": "seq",
    "dataset": "ds002785",
    "modality": "bold",
    "subject_id": "0076",
    "task_id": "workingmemory"
  },
  "dummy_trs": 0,
  "dvars_nstd": 20.365898730559014,
  "dvars_std": 1.2453087844720503,
  "dvars_vstd": 1.0331911227329196,
  "efc": 0.4607620495188144,
  "fber": 163378.328125,
  "fd_mean": 0.12469436068933257,
  "fd_num": 16,
  "fd_perc": 9.876543209876543,
  "fwhm_avg": 1.989570009109035,
  "fwhm_x": 1.93143,
  "fwhm_y": 2.14608,
  "fwhm_z": 1.8912000273271046,
  "gcor": 0.0168551,
  "gsr_x": -0.016554690897464752,
  "gsr_y": 0.026197409257292747,
  "provenance": {
    "md5sum": "c39e40d4b5f12f651498e7116141f2af",
    "settings": {
      "fd_thres": 0.2,
      "testing": false
    },
    "software": "mriqc",
    "version": "22.0.0rc1",
    "webapi_port": null,
    "webapi_url": "https://mriqc.nimh.nih.gov/api/v1"
  },
  "size_t": 162,
  "size_x": 80,
  "size_y": 80,
  "size_z": 37,
  "snr": 5.2783330202084295,
  "spacing_tr": 2.0,
  "spacing_x": 3.0,
  "spacing_y": 3.0,
  "spacing_z": 3.299999952316284,
  "summary_bg_k": 56.48042613244803,
  "summary_bg_mad": 64.73587036360436,
  "summary_bg_mean": 661.6883544921875,
  "summary_bg_median": 60.00582504272461,
  "summary_bg_n": 152204.0,
  "summary_bg_p05": 6.62483048439026,
  "summary_bg_p95": 3242.52127685547,
  "summary_bg_stdv": 1878.3023681640625,
  "summary_fg_k": 1.2814784039152096,
  "summary_fg_mad": 4441.485326135951,
  "summary_fg_mean": 25714.646484375,
  "summary_fg_median": 25297.74609375,
  "summary_fg_n": 42302.0,
  "summary_fg_p05": 18654.051171875,
  "summary_fg_p95": 33883.27734375,
  "summary_fg_stdv": 4792.6962890625,
  "tsnr": 80.29435729980469
}