{
  "bids_meta": {
    "AcquisitionNumber": 4,
    "BidsifyVersion": "0.3.5",
    "ConversionSoftware": "dcm2niix",
    "ConversionSoftwareVersion": "v1.0.20181125  GCC6.3.0",
    "EchoTime": 0.00372,
    "ImageComments": "Piop",
    "ImageOrientationPatientDICOM": [
      0.997943,
      -0.016922,
      0.0618346,
      0.0172449,
      0.99984,
      -0.00469188
    ],
    "Manufacturer": "Philips",
    "PatientPosition": "HFS",
    "PhilipsRescaleIntercept": 0,
    "PhilipsRescaleSlope": 9.1956,
    "PhilipsScaleSlope": 0.00692415,
    "ProtocolName": "WIPt13dSENSE",
    "ReconMatrixPE": 240,
    "RepetitionTime": 0.008151,
    "SeriesDescription": "ImageMRSERIES",
    "SeriesNumber": 4,
    "UsePhilipsFloatNotDisplayScaling": 1,
    "dataset": "ds002785",
    "modality": "T1w",
    "subject_id": "0179"
  },
  "cjv": 0.3480408193083118,
  "cnr": 3.601823379460763,
  "efc": 0.7832863280251005,
  "fber": 1396.9796142578125,
  "fwhm_avg": 3.432206666666666,
  "fwhm_x": 3.38711,
  "fwhm_y": 3.61656,
  "fwhm_z": 3.29295,
  "icvs_csf": 0.21320040821624,
  "icvs_gm": 0.41410768306647744,
  "icvs_wm": 0.3726919087172826,
  "inu_med": 2.4087717533111572,
  "inu_range": 0.7207486629486084,
  "provenance": {
    "md5sum": "334edb37111bbd93422ef7d9af0cad63",
    "settings": {
      "testing": false
    },
    "software": "mriqc",
    "version": "22.0.0rc1",
    "warnings": {
      "large_rot_frame": true,
      "small_air_mask": true
    },
    "webapi_port": null,
    "webapi_url": "https://mriqc.nimh.nih.gov/api/v1"
  },
  "qi_1": 0.0,
  "qi_2": 0.0001143054165493471,
  "rpve_csf": 27.64338831250811,
  "rpve_gm": 14.80434731106373,
  "rpve_wm": 20.920382176179565,
  "size_x": 240,
  "size_y": 240,
  "size_z": 220,
  "snr_csf": 3.661726266021416,
  "snr_gm": 7.349229634762104,
  "snr_total": 10.165346990011923,
  "snr_wm": 19.48508506925225,
  "snrd_csf": 24.891229628429524,
  "snrd_gm": 42.13400804645119,
  "snrd_total": 44.464236257503224,
  "snrd_wm": 66.36747109762895,
  "spacing_x": 1.0,
  "spacing_y": 1.0,
  "spacing_z": 1.0,
  "summary_bg_k": 42.21202207740069,
  "summary_bg_mad": 9.87128857050912,
  "summary_bg_mean": 16.11144256591797,
  "summary_bg_median": 13.244178771972656,
  "summary_bg_n": 187631.0,
  "summary_bg_p05": 0.0,
  "summary_bg_p95": 39.773061752319336,
  "summary_bg_stdv": 13.470612525939941,
  "summary_csf_k": 1.2388536277854945,
  "summary_csf_mad": 92.16373993338382,
  "summary_csf_mean": 365.05780029296875,
  "summary_csf_median": 375.0494079589844,
  "summary_csf_n": 6426.0,
  "summary_csf_p05": 170.45825576782227,
  "summary_csf_p95": 511.33106994628906,
  "summary_csf_stdv": 102.4162368774414,
  "summary_gm_k": 0.31048571015557913,
  "summary_gm_mad": 81.54013581949202,
  "summary_gm_mean": 639.9768676757812,
  "summary_gm_median": 634.8555297851562,
  "summary_gm_n": 19597.0,
  "summary_gm_p05": 507.0356689453125,
  "summary_gm_p95": 791.6231811523438,
  "summary_gm_stdv": 86.38175201416016,
  "summary_wm_k": 1.096968175040935,
  "summary_wm_mad": 45.542962972854454,
  "summary_wm_mean": 997.0914306640625,
  "summary_wm_median": 999.9940185546875,
  "summary_wm_n": 193355.0,
  "summary_wm_p05": 906.9092102050781,
  "summary_wm_p95": 1075.2427490234375,
  "summary_wm_stdv": 51.320865631103516,
  "tpm_overlap_csf": 0.14560028910636902,
  "tpm_overlap_gm": 0.42703670263290405,
  "tpm_overlap_wm": 0.4887852370738983,
  "wm2max": 0.7133962872079148
}