{
  "aor": 0.00056605,
  "aqi": 0.005753406550000001,
  "bids_meta": {
    "AcquisitionNumber": 9,
    "BidsifyVersion": "0.3.5",
    "ConversionSoftware": "dcm2niix",
    "ConversionSoftwareVersion": "v1.0.20181125  GCC6.3.0",
    "EchoTime": 0.02762,
    "EffectiveEchoSpacing": 0.0006621159151938905,
    "ImageComments": "piop",
    "ImageOrientationPatientDICOM": [
      0.998567,
      0.0115494,
      -0.0522591,
      -0.0158611,
      0.996435,
      -0.0828583
    ],
    "Manufacturer": "Philips",
    "NumberOfVolumesDiscardedByScanner": 2,
    "ParallelAcquisitionTechnique": "SENSE",
    "ParallelReductionFactorInPlane": 2,
    "PatientPosition": "HFS",
    "PhaseEncodingDirection": "j",
    "PhilipsRescaleIntercept": 0,
    "PhilipsRescaleSlope": 0.79805,
    "PhilipsScaleSlope": 0.054356,
    "ProtocolName": "WIPpiopanticipatieSENSE",
    "PulseSequenceType": "gradient echo EPI",
    "ReconMatrixPE": 80,
    "RepetitionTime": 2,
    "SeriesDescription": "ImageMRSERIES",
    "SeriesNumber": 9,
    "SliceEncodingDirection": "k",
    "SliceTiming": [
      0.0,
      0.0541,
      0.1081,
      0.1622,
      0.2162,
      0.2703,
      0.3243,
      0.3784,
      0.4324,
      0.4865,
      0.5405,
      0.5946,
      0.6486,
      0.7027,
      0.7568,
      0.8108,
      0.8649,
      0.9189,
      0.973,
      1.027,
      1.0811,
      1.1351,
      1.1892,
      1.2432,
      1.2973,
      1.3514,
      1.4054,
      1.4595,
      1.5135,
      1.5676,
      1.6216,
      1.6757,
      1.7297,
      1.7838,
      1.8378,
      1.8919,
      1.9459
    ],
    "TaskName": "anticipation",
    "TotalReadoutTime": 0.025822520692561732,
    "UsePhilipsFloatNotDisplayScaling": 1,
    "acq_id": "seq",
    "dataset": "ds002785",
    "modality": "bold",
    "subject_id": "0051",
    "task_id": "anticipation"
  },
  "dummy_trs": 0,
  "dvars_nstd": 25.0244903564824,
  "dvars_std": 1.2290865056281408,
  "dvars_vstd": 0.967028550201005,
  "efc": 0.40938728688993653,
  "fber": 223429.28125,
  "fd_mean": 0.11480052495060589,
  "fd_num": 11,
  "fd_perc": 5.5,
  "fwhm_avg": 1.8372302105422325,
  "fwhm_x": 1.8199966666666667,
  "fwhm_y": 1.9223666666666668,
  "fwhm_z": 1.7693272982933637,
  "gcor": 0.0374501,
  "gsr_x": -0.018362483009696007,
  "gsr_y": 0.008890872821211815,
  "provenance": {
    "md5sum": "3a7e264e4f191a389a94eda2d3de402a",
    "settings": {
      "fd_thres": 0.2,
      "testing": false
    },
    "software": "mriqc",
    "version": "22.0.0rc1",
    "webapi_port": null,
    "webapi_url": "https://mriqc.nimh.nih.gov/api/v1"
  },
  "size_t": 200,
  "size_x": 80,
  "size_y": 80,
  "size_z": 37,
  "snr": 4.793623812839111,
  "spacing_tr": 2.0,
  "spacing_x": 3.0,
  "spacing_y": 3.0,
  "spacing_z": 3.299999952316284,
  "summary_bg_k": 66.60482835472722,
  "summary_bg_mad": 54.80941913158785,
  "summary_bg_mean": 436.9225158691406,
  "summary_bg_median": 48.24276351928711,
  "summary_bg_n": 161383.0,
  "summary_bg_p05": 1.6227612376213074,
  "summary_bg_p95": 2019.8020019531234,
  "summary_bg_stdv": 1468.8016357421875,
  "summary_fg_k": 1.7969424766352198,
  "summary_fg_mad": 4411.091980656586,
  "summary_fg_mean": 24167.888671875,
  "summary_fg_median": 23422.22265625,
  "summary_fg_n": 34179.0,
  "summary_fg_p05": 17586.53046875,
  "summary_fg_p95": 32815.53359375,
  "summary_fg_stdv": 4886.048828125,
  "tsnr": 67.53140258789062
}