{
  "aor": 0.0009217959183673469,
  "aqi": 0.003996386938775511,
  "bids_meta": {
    "AcquisitionNumber": 3,
    "BidsifyVersion": "0.3.5",
    "ConversionSoftware": "dcm2niix",
    "ConversionSoftwareVersion": "v1.0.20181125  GCC6.3.0",
    "EchoTime": 0.02762,
    "EffectiveEchoSpacing": 0.0006621159151938905,
    "ImageComments": "piop",
    "ImageOrientationPatientDICOM": [
      0.998567,
      0.0115494,
      -0.0522591,
      -0.0158611,
      0.996435,
      -0.0828583
    ],
    "Manufacturer": "Philips",
    "NumberOfVolumesDiscardedByScanner": 2,
    "ParallelAcquisitionTechnique": "SENSE",
    "ParallelReductionFactorInPlane": 2,
    "PatientPosition": "HFS",
    "PhaseEncodingDirection": "j",
    "PhilipsRescaleIntercept": 0,
    "PhilipsRescaleSlope": 0.86813,
    "PhilipsScaleSlope": 0.0545659,
    "ProtocolName": "WIPpiopgstroopSENSE",
    "PulseSequenceType": "gradient echo EPI",
    "ReconMatrixPE": 80,
    "RepetitionTime": 2,
    "SeriesDescription": "ImageMRSERIES",
    "SeriesNumber": 3,
    "SliceEncodingDirection": "k",
    "SliceTiming": [
      0.0,
      0.0541,
      0.1081,
      0.1622,
      0.2162,
      0.2703,
      0.3243,
      0.3784,
      0.4324,
      0.4865,
      0.5405,
      0.5946,
      0.6486,
      0.7027,
      0.7568,
      0.8108,
      0.8649,
      0.9189,
      0.973,
      1.027,
      1.0811,
      1.1351,
      1.1892,
      1.2432,
      1.2973,
      1.3514,
      1.4054,
      1.4595,
      1.5135,
      1.5676,
      1.6216,
      1.6757,
      1.7297,
      1.7838,
      1.8378,
      1.8919,
      1.9459
    ],
    "TaskName": "gstroop",
    "TotalReadoutTime": 0.025822520692561732,
    "UsePhilipsFloatNotDisplayScaling": 1,
    "acq_id": "seq",
    "dataset": "ds002785",
    "modality": "bold",
    "subject_id": "0051",
    "task_id": "gstroop"
  },
  "dummy_trs": 0,
  "dvars_nstd": 23.599621999590163,
  "dvars_std": 1.248201025573771,
  "dvars_vstd": 1.005248888729508,
  "efc": 0.40991700846366635,
  "fber": 226025.15625,
  "fd_mean": 0.13112018062570927,
  "fd_num": 21,
  "fd_perc": 8.571428571428571,
  "fwhm_avg": 1.8172757660767556,
  "fwhm_x": 1.7994933333333334,
  "fwhm_y": 1.8873733333333333,
  "fwhm_z": 1.7649606315636004,
  "gcor": 0.0542279,
  "gsr_x": -0.018422523513436317,
  "gsr_y": 0.008857803419232368,
  "provenance": {
    "md5sum": "ab0d7c63d9b5f6f1ab2ac572936b9ae2",
    "settings": {
      "fd_thres": 0.2,
      "testing": false
    },
    "software": "mriqc",
    "version": "22.0.0rc1",
    "webapi_port": null,
    "webapi_url": "https://mriqc.nimh.nih.gov/api/v1"
  },
  "size_t": 245,
  "size_x": 80,
  "size_y": 80,
  "size_z": 37,
  "snr": 4.918173327305423,
  "spacing_tr": 2.0,
  "spacing_x": 3.0,
  "spacing_y": 3.0,
  "spacing_z": 3.299999952316284,
  "summary_bg_k": 72.60749316100694,
  "summary_bg_mad": 54.81372027518516,
  "summary_bg_mean": 429.1683349609375,
  "summary_bg_median": 48.567264556884766,
  "summary_bg_n": 161155.0,
  "summary_bg_p05": 1.69415090084076,
  "summary_bg_p95": 1939.3083007812493,
  "summary_bg_stdv": 1478.5069580078125,
  "summary_fg_k": 1.7321472904123008,
  "summary_fg_mad": 4371.105156368805,
  "summary_fg_mean": 24525.8828125,
  "summary_fg_median": 23767.892578125,
  "summary_fg_n": 34259.0,
  "summary_fg_p05": 17976.50234375,
  "summary_fg_p95": 33078.228125,
  "summary_fg_stdv": 4832.59619140625,
  "tsnr": 76.49988555908203
}