{
  "aor": 0.0010812345679012344,
  "aqi": 0.0032111648148148144,
  "bids_meta": {
    "AcquisitionNumber": 8,
    "BidsifyVersion": "0.3.5",
    "ConversionSoftware": "dcm2niix",
    "ConversionSoftwareVersion": "v1.0.20181125  GCC6.3.0",
    "EchoTime": 0.02762,
    "EffectiveEchoSpacing": 0.0006621159151938905,
    "ImageComments": "piop",
    "ImageOrientationPatientDICOM": [
      0.998567,
      0.0115494,
      -0.0522591,
      -0.0158611,
      0.996435,
      -0.0828583
    ],
    "Manufacturer": "Philips",
    "NumberOfVolumesDiscardedByScanner": 2,
    "ParallelAcquisitionTechnique": "SENSE",
    "ParallelReductionFactorInPlane": 2,
    "PatientPosition": "HFS",
    "PhaseEncodingDirection": "j",
    "PhilipsRescaleIntercept": 0,
    "PhilipsRescaleSlope": 0.80586,
    "PhilipsScaleSlope": 0.0552912,
    "ProtocolName": "WIPpiopwmSENSE",
    "PulseSequenceType": "gradient echo EPI",
    "ReconMatrixPE": 80,
    "RepetitionTime": 2,
    "SeriesDescription": "ImageMRSERIES",
    "SeriesNumber": 8,
    "SliceEncodingDirection": "k",
    "SliceTiming": [
      0.0,
      0.0541,
      0.1081,
      0.1622,
      0.2162,
      0.2703,
      0.3243,
      0.3784,
      0.4324,
      0.4865,
      0.5405,
      0.5946,
      0.6486,
      0.7027,
      0.7568,
      0.8108,
      0.8649,
      0.9189,
      0.973,
      1.027,
      1.0811,
      1.1351,
      1.1892,
      1.2432,
      1.2973,
      1.3514,
      1.4054,
      1.4595,
      1.5135,
      1.5676,
      1.6216,
      1.6757,
      1.7297,
      1.7838,
      1.8378,
      1.8919,
      1.9459
    ],
    "TaskName": "workingmemory",
    "TotalReadoutTime": 0.025822520692561732,
    "UsePhilipsFloatNotDisplayScaling": 1,
    "acq_id": "seq",
    "dataset": "ds002785",
    "modality": "bold",
    "subject_id": "0051",
    "task_id": "workingmemory"
  },
  "dummy_trs": 0,
  "dvars_nstd": 21.675288668447195,
  "dvars_std": 1.2533842103105588,
  "dvars_vstd": 1.0168058304347822,
  "efc": 0.4101853964032111,
  "fber": 217573.28125,
  "fd_mean": 0.11366924871718964,
  "fd_num": 8,
  "fd_perc": 4.938271604938271,
  "fwhm_avg": 1.838591220646147,
  "fwhm_x": 1.8240833333333333,
  "fwhm_y": 1.92176,
  "fwhm_z": 1.7699303286051076,
  "gcor": 0.0301107,
  "gsr_x": -0.0182183887809515,
  "gsr_y": 0.009098932147026062,
  "provenance": {
    "md5sum": "6b5648d39b16a176cb33219c56c8f7d1",
    "settings": {
      "fd_thres": 0.2,
      "testing": false
    },
    "software": "mriqc",
    "version": "22.0.0rc1",
    "webapi_port": null,
    "webapi_url": "https://mriqc.nimh.nih.gov/api/v1"
  },
  "size_t": 162,
  "size_x": 80,
  "size_y": 80,
  "size_z": 37,
  "snr": 4.7977528114820585,
  "spacing_tr": 2.0,
  "spacing_x": 3.0,
  "spacing_y": 3.0,
  "spacing_z": 3.299999952316284,
  "summary_bg_k": 64.86392726292883,
  "summary_bg_mad": 56.049494539127124,
  "summary_bg_mean": 444.20001220703125,
  "summary_bg_median": 49.498863220214844,
  "summary_bg_n": 161221.0,
  "summary_bg_p05": 1.8924624919891357,
  "summary_bg_p95": 2052.32080078125,
  "summary_bg_stdv": 1497.5916748046875,
  "summary_fg_k": 1.7039322482059234,
  "summary_fg_mad": 4464.19925543665,
  "summary_fg_mean": 24472.962890625,
  "summary_fg_median": 23724.34765625,
  "summary_fg_n": 34331.0,
  "summary_fg_p05": 17758.666015625,
  "summary_fg_p95": 33261.5859375,
  "summary_fg_stdv": 4944.8154296875,
  "tsnr": 81.42861938476562
}