{
  "aor": 0.0006790273556231003,
  "aqi": 0.009476526899696048,
  "bids_meta": {
    "AcquisitionNumber": 2,
    "BidsifyVersion": "0.3.5",
    "ConversionSoftware": "dcm2niix",
    "ConversionSoftwareVersion": "v1.0.20181125  GCC6.3.0",
    "EchoTime": 0.02762,
    "EffectiveEchoSpacing": 0.0006333282667071997,
    "ImageComments": "piop",
    "ImageOrientationPatientDICOM": [
      0.998567,
      0.0115494,
      -0.0522591,
      -0.0158611,
      0.996435,
      -0.0828583
    ],
    "Manufacturer": "Philips",
    "NumberOfVolumesDiscardedByScanner": 2,
    "ParallelAcquisitionTechnique": "SENSE",
    "ParallelReductionFactorInPlane": 2,
    "PatientPosition": "HFS",
    "PhaseEncodingDirection": "j",
    "PhilipsRescaleIntercept": 0,
    "PhilipsRescaleSlope": 0.75458,
    "PhilipsScaleSlope": 0.0871963,
    "ProtocolName": "WIPpiopfacesSENSE",
    "PulseSequenceType": "gradient echo EPI",
    "ReconMatrixPE": 80,
    "RepetitionTime": 0.75,
    "SeriesDescription": "ImageMRSERIES",
    "SeriesNumber": 2,
    "SliceEncodingDirection": "k",
    "SliceTiming": [
      0.0,
      0.06755050505050506,
      0.1351010101010101,
      0.20265151515151517,
      0.2702020202020202,
      0.3377525252525253,
      0.40530303030303033,
      0.47285353535353536,
      0.5404040404040404,
      0.6079545454545455,
      0.6755050505050506,
      0.7430555555555556,
      0.0,
      0.06755050505050506,
      0.1351010101010101,
      0.20265151515151517,
      0.2702020202020202,
      0.3377525252525253,
      0.40530303030303033,
      0.47285353535353536,
      0.5404040404040404,
      0.6079545454545455,
      0.6755050505050506,
      0.7430555555555556,
      0.0,
      0.06755050505050506,
      0.1351010101010101,
      0.20265151515151517,
      0.2702020202020202,
      0.3377525252525253,
      0.40530303030303033,
      0.47285353535353536,
      0.5404040404040404,
      0.6079545454545455,
      0.6755050505050506,
      0.7430555555555556
    ],
    "TaskName": "faces",
    "TotalReadoutTime": 0.024699802401580786,
    "UsePhilipsFloatNotDisplayScaling": 1,
    "acq_id": "mb3",
    "dataset": "ds002785",
    "modality": "bold",
    "subject_id": "0051",
    "task_id": "faces"
  },
  "dummy_trs": 1,
  "dvars_nstd": 26.863187633079274,
  "dvars_std": 1.094320995853658,
  "dvars_vstd": 0.9773571073170738,
  "efc": 0.41836436451594017,
  "fber": 211397.84375,
  "fd_mean": 0.10583992551854106,
  "fd_num": 10,
  "fd_perc": 3.0395136778115504,
  "fwhm_avg": 2.0297326354871994,
  "fwhm_x": 2.0495366666666666,
  "fwhm_y": 2.1244733333333334,
  "fwhm_z": 1.9151879064615989,
  "gcor": 0.0328634,
  "gsr_x": -0.02158883586525917,
  "gsr_y": 0.006788676138967276,
  "provenance": {
    "md5sum": "23768322b8cd513f6af07171169845bd",
    "settings": {
      "fd_thres": 0.2,
      "testing": false
    },
    "software": "mriqc",
    "version": "22.0.0rc1",
    "webapi_port": null,
    "webapi_url": "https://mriqc.nimh.nih.gov/api/v1"
  },
  "size_t": 329,
  "size_x": 80,
  "size_y": 80,
  "size_z": 36,
  "snr": 5.314677606955919,
  "spacing_tr": 0.75,
  "spacing_x": 3.0,
  "spacing_y": 3.0,
  "spacing_z": 3.299999952316284,
  "summary_bg_k": 48.81055593177726,
  "summary_bg_mad": 44.00499024665184,
  "summary_bg_mean": 359.4130554199219,
  "summary_bg_median": 37.9272346496582,
  "summary_bg_n": 156067.0,
  "summary_bg_p05": 1.4997871756553651,
  "summary_bg_p95": 1666.1802001953117,
  "summary_bg_stdv": 1124.4129638671875,
  "summary_fg_k": 0.3704379452490314,
  "summary_fg_mad": 3251.9250827475244,
  "summary_fg_mean": 18079.8671875,
  "summary_fg_median": 17840.603515625,
  "summary_fg_n": 33672.0,
  "summary_fg_p05": 12961.718603515625,
  "summary_fg_p95": 23914.589843749993,
  "summary_fg_stdv": 3356.805419921875,
  "tsnr": 47.102928161621094
}