{
  "aor": 0.00267655,
  "aqi": 0.0069605191,
  "bids_meta": {
    "AcquisitionNumber": 9,
    "BidsifyVersion": "0.3.5",
    "ConversionSoftware": "dcm2niix",
    "ConversionSoftwareVersion": "v1.0.20181125  GCC6.3.0",
    "EchoTime": 0.02762,
    "EffectiveEchoSpacing": 0.0006621159151938905,
    "ImageComments": "Piop",
    "ImageOrientationPatientDICOM": [
      0.998927,
      -0.0380081,
      0.0264793,
      0.0457104,
      0.901414,
      -0.430538
    ],
    "Manufacturer": "Philips",
    "NumberOfVolumesDiscardedByScanner": 2,
    "ParallelAcquisitionTechnique": "SENSE",
    "ParallelReductionFactorInPlane": 2,
    "PatientPosition": "HFS",
    "PhaseEncodingDirection": "j",
    "PhilipsRescaleIntercept": 0,
    "PhilipsRescaleSlope": 0.77094,
    "PhilipsScaleSlope": 0.0623575,
    "ProtocolName": "WIPpiopanticipatieSENSE",
    "PulseSequenceType": "gradient echo EPI",
    "ReconMatrixPE": 80,
    "RepetitionTime": 2,
    "SeriesDescription": "ImageMRSERIES",
    "SeriesNumber": 9,
    "SliceEncodingDirection": "k",
    "SliceTiming": [
      0.0,
      0.0541,
      0.1081,
      0.1622,
      0.2162,
      0.2703,
      0.3243,
      0.3784,
      0.4324,
      0.4865,
      0.5405,
      0.5946,
      0.6486,
      0.7027,
      0.7568,
      0.8108,
      0.8649,
      0.9189,
      0.973,
      1.027,
      1.0811,
      1.1351,
      1.1892,
      1.2432,
      1.2973,
      1.3514,
      1.4054,
      1.4595,
      1.5135,
      1.5676,
      1.6216,
      1.6757,
      1.7297,
      1.7838,
      1.8378,
      1.8919,
      1.9459
    ],
    "TaskName": "anticipation",
    "TotalReadoutTime": 0.025822520692561732,
    "UsePhilipsFloatNotDisplayScaling": 1,
    "acq_id": "seq",
    "dataset": "ds002785",
    "modality": "bold",
    "subject_id": "0079",
    "task_id": "anticipation"
  },
  "dummy_trs": 0,
  "dvars_nstd": 19.75806608608041,
  "dvars_std": 1.1218050187437185,
  "dvars_vstd": 0.9740917893467335,
  "efc": 0.45298711037890577,
  "fber": 149523.328125,
  "fd_mean": 0.11998832954426165,
  "fd_num": 11,
  "fd_perc": 5.5,
  "fwhm_avg": 1.710638795791249,
  "fwhm_x": 1.7110466666666666,
  "fwhm_y": 1.7781,
  "fwhm_z": 1.6427697207070802,
  "gcor": 0.0196638,
  "gsr_x": -0.014666819013655186,
  "gsr_y": 0.007595304399728775,
  "provenance": {
    "md5sum": "e65573f5410a30485daed9389a18fe8e",
    "settings": {
      "fd_thres": 0.2,
      "testing": false
    },
    "software": "mriqc",
    "version": "22.0.0rc1",
    "webapi_port": null,
    "webapi_url": "https://mriqc.nimh.nih.gov/api/v1"
  },
  "size_t": 200,
  "size_x": 80,
  "size_y": 80,
  "size_z": 37,
  "snr": 5.795704067619063,
  "spacing_tr": 2.0,
  "spacing_x": 3.0,
  "spacing_y": 3.0,
  "spacing_z": 3.299999952316284,
  "summary_bg_k": 35.00860015150317,
  "summary_bg_mad": 58.67631830984902,
  "summary_bg_mean": 671.5441284179688,
  "summary_bg_median": 58.575157165527344,
  "summary_bg_n": 155090.0,
  "summary_bg_p05": 6.986338186264039,
  "summary_bg_p95": 4034.390295410142,
  "summary_bg_stdv": 1870.9075927734375,
  "summary_fg_k": 2.3425643131863465,
  "summary_fg_mad": 3668.70208539957,
  "summary_fg_mean": 23786.119140625,
  "summary_fg_median": 23396.3671875,
  "summary_fg_n": 38830.0,
  "summary_fg_p05": 18144.8240234375,
  "summary_fg_p95": 30397.049902343748,
  "summary_fg_stdv": 4036.79443359375,
  "tsnr": 69.98181915283203
}