{
  "aor": 0.0012906054279749478,
  "aqi": 0.014988717870563672,
  "bids_meta": {
    "AcquisitionNumber": 6,
    "BidsifyVersion": "0.3.5",
    "ConversionSoftware": "dcm2niix",
    "ConversionSoftwareVersion": "v1.0.20181125  GCC6.3.0",
    "EchoTime": 0.02762,
    "EffectiveEchoSpacing": 0.0006333282667071997,
    "ImageComments": "Piop",
    "ImageOrientationPatientDICOM": [
      0.998927,
      -0.0380081,
      0.0264793,
      0.0457104,
      0.901414,
      -0.430538
    ],
    "Manufacturer": "Philips",
    "NumberOfVolumesDiscardedByScanner": 2,
    "ParallelAcquisitionTechnique": "SENSE",
    "ParallelReductionFactorInPlane": 2,
    "PatientPosition": "HFS",
    "PhaseEncodingDirection": "j",
    "PhilipsRescaleIntercept": 0,
    "PhilipsRescaleSlope": 0.77827,
    "PhilipsScaleSlope": 0.0943516,
    "ProtocolName": "WIPpioprsSENSE",
    "PulseSequenceType": "gradient echo EPI",
    "ReconMatrixPE": 80,
    "RepetitionTime": 0.75,
    "SeriesDescription": "ImageMRSERIES",
    "SeriesNumber": 6,
    "SliceEncodingDirection": "k",
    "SliceTiming": [
      0.0,
      0.06755050505050506,
      0.1351010101010101,
      0.20265151515151517,
      0.2702020202020202,
      0.3377525252525253,
      0.40530303030303033,
      0.47285353535353536,
      0.5404040404040404,
      0.6079545454545455,
      0.6755050505050506,
      0.7430555555555556,
      0.0,
      0.06755050505050506,
      0.1351010101010101,
      0.20265151515151517,
      0.2702020202020202,
      0.3377525252525253,
      0.40530303030303033,
      0.47285353535353536,
      0.5404040404040404,
      0.6079545454545455,
      0.6755050505050506,
      0.7430555555555556,
      0.0,
      0.06755050505050506,
      0.1351010101010101,
      0.20265151515151517,
      0.2702020202020202,
      0.3377525252525253,
      0.40530303030303033,
      0.47285353535353536,
      0.5404040404040404,
      0.6079545454545455,
      0.6755050505050506,
      0.7430555555555556
    ],
    "TaskName": "restingstate",
    "TotalReadoutTime": 0.024699802401580786,
    "UsePhilipsFloatNotDisplayScaling": 1,
    "acq_id": "mb3",
    "dataset": "ds002785",
    "modality": "bold",
    "subject_id": "0079",
    "task_id": "restingstate"
  },
  "dummy_trs": 1,
  "dvars_nstd": 31.807710843033494,
  "dvars_std": 1.1513579608368198,
  "dvars_vstd": 1.0079788395188285,
  "efc": 0.46109296685879414,
  "fber": 137823.65625,
  "fd_mean": 0.1207535955131832,
  "fd_num": 39,
  "fd_perc": 8.1419624217119,
  "fwhm_avg": 1.6959818259670059,
  "fwhm_x": 1.7040600000000001,
  "fwhm_y": 1.7675400000000001,
  "fwhm_z": 1.6163454779010178,
  "gcor": 0.0312672,
  "gsr_x": -0.015296201221644878,
  "gsr_y": 0.007520532701164484,
  "provenance": {
    "md5sum": "396c060c6c186fbc4a8592bcf1a376ce",
    "settings": {
      "fd_thres": 0.2,
      "testing": false
    },
    "software": "mriqc",
    "version": "22.0.0rc1",
    "webapi_port": null,
    "webapi_url": "https://mriqc.nimh.nih.gov/api/v1"
  },
  "size_t": 479,
  "size_x": 80,
  "size_y": 80,
  "size_z": 36,
  "snr": 7.109940439758475,
  "spacing_tr": 0.75,
  "spacing_x": 3.0,
  "spacing_y": 3.0,
  "spacing_z": 3.299999952316284,
  "summary_bg_k": 26.308773336712495,
  "summary_bg_mad": 49.32691879618286,
  "summary_bg_mean": 539.1459350585938,
  "summary_bg_median": 47.257225036621094,
  "summary_bg_n": 149879.0,
  "summary_bg_p05": 5.689177417755127,
  "summary_bg_p95": 3106.674316406255,
  "summary_bg_stdv": 1439.54150390625,
  "summary_fg_k": 1.8948975290579995,
  "summary_fg_mad": 2363.34032898438,
  "summary_fg_mean": 18250.51171875,
  "summary_fg_median": 18194.22265625,
  "summary_fg_n": 38313.0,
  "summary_fg_p05": 14341.1861328125,
  "summary_fg_p95": 22389.064453125,
  "summary_fg_stdv": 2558.950439453125,
  "tsnr": 43.72351837158203
}