{
  "aor": 0.0003334242424242424,
  "aqi": 0.008811823606060606,
  "bids_meta": {
    "AcquisitionNumber": 2,
    "BidsifyVersion": "0.3.5",
    "ConversionSoftware": "dcm2niix",
    "ConversionSoftwareVersion": "v1.0.20181125  GCC6.3.0",
    "EchoTime": 0.02762,
    "EffectiveEchoSpacing": 0.0006333282667071997,
    "ImageComments": "Piop",
    "ImageOrientationPatientDICOM": [
      0.998927,
      -0.0380081,
      0.0264793,
      0.0457104,
      0.901414,
      -0.430538
    ],
    "Manufacturer": "Philips",
    "NumberOfVolumesDiscardedByScanner": 2,
    "ParallelAcquisitionTechnique": "SENSE",
    "ParallelReductionFactorInPlane": 2,
    "PatientPosition": "HFS",
    "PhaseEncodingDirection": "j",
    "PhilipsRescaleIntercept": 0,
    "PhilipsRescaleSlope": 0.75775,
    "PhilipsScaleSlope": 0.0977313,
    "ProtocolName": "WIPpiopfacesSENSE",
    "PulseSequenceType": "gradient echo EPI",
    "ReconMatrixPE": 80,
    "RepetitionTime": 0.75,
    "SeriesDescription": "ImageMRSERIES",
    "SeriesNumber": 2,
    "SliceEncodingDirection": "k",
    "SliceTiming": [
      0.0,
      0.06755050505050506,
      0.1351010101010101,
      0.20265151515151517,
      0.2702020202020202,
      0.3377525252525253,
      0.40530303030303033,
      0.47285353535353536,
      0.5404040404040404,
      0.6079545454545455,
      0.6755050505050506,
      0.7430555555555556,
      0.0,
      0.06755050505050506,
      0.1351010101010101,
      0.20265151515151517,
      0.2702020202020202,
      0.3377525252525253,
      0.40530303030303033,
      0.47285353535353536,
      0.5404040404040404,
      0.6079545454545455,
      0.6755050505050506,
      0.7430555555555556,
      0.0,
      0.06755050505050506,
      0.1351010101010101,
      0.20265151515151517,
      0.2702020202020202,
      0.3377525252525253,
      0.40530303030303033,
      0.47285353535353536,
      0.5404040404040404,
      0.6079545454545455,
      0.6755050505050506,
      0.7430555555555556
    ],
    "TaskName": "faces",
    "TotalReadoutTime": 0.024699802401580786,
    "UsePhilipsFloatNotDisplayScaling": 1,
    "acq_id": "mb3",
    "dataset": "ds002785",
    "modality": "bold",
    "subject_id": "0079",
    "task_id": "faces"
  },
  "dummy_trs": 0,
  "dvars_nstd": 28.922566277568382,
  "dvars_std": 1.2181255606382975,
  "dvars_vstd": 1.0047090710334354,
  "efc": 0.4605302784881955,
  "fber": 145995.921875,
  "fd_mean": 0.09699204611622521,
  "fd_num": 3,
  "fd_perc": 0.9090909090909091,
  "fwhm_avg": 1.845152069010095,
  "fwhm_x": 1.8867200000000002,
  "fwhm_y": 1.95983,
  "fwhm_z": 1.6889062070302854,
  "gcor": 0.028307,
  "gsr_x": -0.015033741481602192,
  "gsr_y": 0.006858903914690018,
  "provenance": {
    "md5sum": "7e14fe55a7a4e523a70d9bda6d4f9109",
    "settings": {
      "fd_thres": 0.2,
      "testing": false
    },
    "software": "mriqc",
    "version": "22.0.0rc1",
    "webapi_port": null,
    "webapi_url": "https://mriqc.nimh.nih.gov/api/v1"
  },
  "size_t": 330,
  "size_x": 80,
  "size_y": 80,
  "size_z": 36,
  "snr": 7.437420060546726,
  "spacing_tr": 0.75,
  "spacing_x": 3.0,
  "spacing_y": 3.0,
  "spacing_z": 3.299999713897705,
  "summary_bg_k": 29.409625142228904,
  "summary_bg_mad": 46.12675484621085,
  "summary_bg_mean": 514.418701171875,
  "summary_bg_median": 46.71942138671875,
  "summary_bg_n": 149933.0,
  "summary_bg_p05": 6.57913990020752,
  "summary_bg_p95": 2853.269726562499,
  "summary_bg_stdv": 1370.0396728515625,
  "summary_fg_k": 1.8202817109060536,
  "summary_fg_mad": 2300.0531946356514,
  "summary_fg_mean": 18406.884765625,
  "summary_fg_median": 18344.00390625,
  "summary_fg_n": 38342.0,
  "summary_fg_p05": 14647.2564453125,
  "summary_fg_p95": 22398.480078124998,
  "summary_fg_stdv": 2466.4150390625,
  "tsnr": 58.80902099609375
}