{
  "aor": 0.0005109832635983263,
  "aqi": 0.008453144853556485,
  "bids_meta": {
    "AcquisitionNumber": 6,
    "BidsifyVersion": "0.3.5",
    "ConversionSoftware": "dcm2niix",
    "ConversionSoftwareVersion": "v1.0.20181125  GCC6.3.0",
    "EchoTime": 0.02762,
    "ImageComments": "PIOP",
    "ImageOrientationPatientDICOM": [
      0.999252,
      0.0351598,
      -0.0161066,
      -0.0380381,
      0.968723,
      -0.245211
    ],
    "Manufacturer": "Philips",
    "NumberOfVolumesDiscardedByScanner": 2,
    "ParallelAcquisitionTechnique": "SENSE",
    "ParallelReductionFactorInPlane": 2,
    "PatientPosition": "HFS",
    "PhaseEncodingDirection": "j",
    "PhilipsRescaleIntercept": 0,
    "PhilipsRescaleSlope": 0.83712,
    "PhilipsScaleSlope": 0.0921461,
    "ProtocolName": "WIPpioprsSENSE",
    "PulseSequenceType": "gradient echo EPI",
    "ReconMatrixPE": 80,
    "RepetitionTime": 0.75,
    "SeriesDescription": "ImageMRSERIES",
    "SeriesNumber": 6,
    "SliceEncodingDirection": "k",
    "TaskName": "restingstate",
    "UsePhilipsFloatNotDisplayScaling": 1,
    "acq_id": "mb3",
    "dataset": "ds002785",
    "modality": "bold",
    "subject_id": "0209",
    "task_id": "restingstate"
  },
  "dummy_trs": 2,
  "dvars_nstd": 25.91465472591196,
  "dvars_std": 1.1476448547589109,
  "dvars_vstd": 1.0101560645283016,
  "efc": 0.41484970420520895,
  "fber": 194476.734375,
  "fd_mean": 0.08692952471312079,
  "fd_num": 2,
  "fd_perc": 0.41841004184100417,
  "fwhm_avg": 1.7905966748430593,
  "fwhm_x": 1.7676266666666667,
  "fwhm_y": 1.9065966666666665,
  "fwhm_z": 1.6975666911958447,
  "gcor": 0.00976618,
  "gsr_x": -0.01378338411450386,
  "gsr_y": 0.008211405016481876,
  "provenance": {
    "md5sum": "c2cef4e283276275248c7031e97306a3",
    "settings": {
      "fd_thres": 0.2,
      "testing": false
    },
    "software": "mriqc",
    "version": "23.0.1",
    "webapi_port": null,
    "webapi_url": "https://mriqc.nimh.nih.gov/api/v1"
  },
  "size_t": 478,
  "size_x": 80,
  "size_y": 80,
  "size_z": 36,
  "snr": 6.922204466920844,
  "spacing_tr": 0.75,
  "spacing_x": 3.0,
  "spacing_y": 3.0,
  "spacing_z": 3.299999952316284,
  "summary_bg_k": 61.413476934964606,
  "summary_bg_mad": 42.536380884034074,
  "summary_bg_mean": 356.1619567871094,
  "summary_bg_median": 38.17375946044922,
  "summary_bg_n": 157446.0,
  "summary_bg_p05": 2.300004780292511,
  "summary_bg_p95": 1767.1280822753906,
  "summary_bg_stdv": 1150.4493408203125,
  "summary_fg_k": 1.0255598820588414,
  "summary_fg_mad": 2409.214126534313,
  "summary_fg_mean": 17336.908203125,
  "summary_fg_median": 17259.70703125,
  "summary_fg_n": 32983.0,
  "summary_fg_p05": 13492.15263671875,
  "summary_fg_p95": 21444.380078125,
  "summary_fg_stdv": 2493.34521484375,
  "tsnr": 57.54475784301758
}