{
  "aor": 0.0013627160493827162,
  "aqi": 0.004067827407407407,
  "bids_meta": {
    "AcquisitionNumber": 9,
    "BidsifyVersion": "0.3.5",
    "ConversionSoftware": "dcm2niix",
    "ConversionSoftwareVersion": "v1.0.20181125  GCC6.3.0",
    "EchoTime": 0.02762,
    "EffectiveEchoSpacing": 0.0006621159151938905,
    "ImageComments": "Piop",
    "ImageOrientationPatientDICOM": [
      0.999138,
      0.0318951,
      0.0265689,
      -0.0277339,
      0.989122,
      -0.144458
    ],
    "Manufacturer": "Philips",
    "NumberOfVolumesDiscardedByScanner": 2,
    "ParallelAcquisitionTechnique": "SENSE",
    "ParallelReductionFactorInPlane": 2,
    "PatientPosition": "HFS",
    "PhaseEncodingDirection": "j",
    "PhilipsRescaleIntercept": 0,
    "PhilipsRescaleSlope": 0.82442,
    "PhilipsScaleSlope": 0.0607689,
    "ProtocolName": "WIPpiopwmSENSE",
    "PulseSequenceType": "gradient echo EPI",
    "ReconMatrixPE": 80,
    "RepetitionTime": 2,
    "SeriesDescription": "ImageMRSERIES",
    "SeriesNumber": 9,
    "SliceEncodingDirection": "k",
    "SliceTiming": [
      0.0,
      0.0541,
      0.1081,
      0.1622,
      0.2162,
      0.2703,
      0.3243,
      0.3784,
      0.4324,
      0.4865,
      0.5405,
      0.5946,
      0.6486,
      0.7027,
      0.7568,
      0.8108,
      0.8649,
      0.9189,
      0.973,
      1.027,
      1.0811,
      1.1351,
      1.1892,
      1.2432,
      1.2973,
      1.3514,
      1.4054,
      1.4595,
      1.5135,
      1.5676,
      1.6216,
      1.6757,
      1.7297,
      1.7838,
      1.8378,
      1.8919,
      1.9459
    ],
    "TaskName": "workingmemory",
    "TotalReadoutTime": 0.025822520692561732,
    "UsePhilipsFloatNotDisplayScaling": 1,
    "acq_id": "seq",
    "dataset": "ds002785",
    "modality": "bold",
    "subject_id": "0005",
    "task_id": "workingmemory"
  },
  "dummy_trs": 0,
  "dvars_nstd": 24.07562425844721,
  "dvars_std": 1.3520354351552808,
  "dvars_vstd": 1.0136877115527954,
  "efc": 0.44136842619967714,
  "fber": 165867.265625,
  "fd_mean": 0.10576831084425235,
  "fd_num": 8,
  "fd_perc": 4.938271604938271,
  "fwhm_avg": 1.8706316247770436,
  "fwhm_x": 1.8266966666666666,
  "fwhm_y": 1.99648,
  "fwhm_z": 1.7887182076644639,
  "gcor": 0.018059,
  "gsr_x": -0.011991326697170734,
  "gsr_y": 0.013546213507652283,
  "provenance": {
    "md5sum": "9af215bdfb3e358996dbc180bdba0bcf",
    "settings": {
      "fd_thres": 0.2,
      "testing": false
    },
    "software": "mriqc",
    "version": "22.0.0rc1",
    "webapi_port": null,
    "webapi_url": "https://mriqc.nimh.nih.gov/api/v1"
  },
  "size_t": 162,
  "size_x": 80,
  "size_y": 80,
  "size_z": 37,
  "snr": 5.150666072573739,
  "spacing_tr": 2.0,
  "spacing_x": 3.0,
  "spacing_y": 3.0,
  "spacing_z": 3.299999952316284,
  "summary_bg_k": 39.63072668555633,
  "summary_bg_mad": 61.76911909848815,
  "summary_bg_mean": 714.517333984375,
  "summary_bg_median": 60.70454406738281,
  "summary_bg_n": 157238.0,
  "summary_bg_p05": 5.527017188072205,
  "summary_bg_p95": 4550.538671874989,
  "summary_bg_stdv": 2106.640625,
  "summary_fg_k": 1.3934812581487401,
  "summary_fg_mad": 4665.38287464369,
  "summary_fg_mean": 25989.15625,
  "summary_fg_median": 25398.21484375,
  "summary_fg_n": 37540.0,
  "summary_fg_p05": 19034.78798828125,
  "summary_fg_p95": 34537.608984374994,
  "summary_fg_stdv": 4930.98876953125,
  "tsnr": 83.85362243652344
}