{
  "aor": 0.0004243933054393306,
  "aqi": 0.008280601255230126,
  "bids_meta": {
    "AcquisitionNumber": 7,
    "BidsifyVersion": "0.3.5",
    "ConversionSoftware": "dcm2niix",
    "ConversionSoftwareVersion": "v1.0.20181125  GCC6.3.0",
    "EchoTime": 0.02762,
    "EffectiveEchoSpacing": 0.0006333282667071997,
    "ImageComments": "Piop",
    "ImageOrientationPatientDICOM": [
      0.999138,
      0.0318951,
      0.0265689,
      -0.0277339,
      0.989122,
      -0.144458
    ],
    "Manufacturer": "Philips",
    "NumberOfVolumesDiscardedByScanner": 2,
    "ParallelAcquisitionTechnique": "SENSE",
    "ParallelReductionFactorInPlane": 2,
    "PatientPosition": "HFS",
    "PhaseEncodingDirection": "j",
    "PhilipsRescaleIntercept": 0,
    "PhilipsRescaleSlope": 0.77729,
    "PhilipsScaleSlope": 0.0926722,
    "ProtocolName": "WIPpioprsSENSE",
    "PulseSequenceType": "gradient echo EPI",
    "ReconMatrixPE": 80,
    "RepetitionTime": 0.75,
    "SeriesDescription": "ImageMRSERIES",
    "SeriesNumber": 7,
    "SliceEncodingDirection": "k",
    "SliceTiming": [
      0.0,
      0.06755050505050506,
      0.1351010101010101,
      0.20265151515151517,
      0.2702020202020202,
      0.3377525252525253,
      0.40530303030303033,
      0.47285353535353536,
      0.5404040404040404,
      0.6079545454545455,
      0.6755050505050506,
      0.7430555555555556,
      0.0,
      0.06755050505050506,
      0.1351010101010101,
      0.20265151515151517,
      0.2702020202020202,
      0.3377525252525253,
      0.40530303030303033,
      0.47285353535353536,
      0.5404040404040404,
      0.6079545454545455,
      0.6755050505050506,
      0.7430555555555556,
      0.0,
      0.06755050505050506,
      0.1351010101010101,
      0.20265151515151517,
      0.2702020202020202,
      0.3377525252525253,
      0.40530303030303033,
      0.47285353535353536,
      0.5404040404040404,
      0.6079545454545455,
      0.6755050505050506,
      0.7430555555555556
    ],
    "TaskName": "restingstate",
    "TotalReadoutTime": 0.024699802401580786,
    "UsePhilipsFloatNotDisplayScaling": 1,
    "acq_id": "mb3",
    "dataset": "ds002785",
    "modality": "bold",
    "subject_id": "0005",
    "task_id": "restingstate"
  },
  "dummy_trs": 2,
  "dvars_nstd": 27.659614115345892,
  "dvars_std": 1.1509872539832284,
  "dvars_vstd": 1.0045994083228504,
  "efc": 0.44618452612205883,
  "fber": 179128.40625,
  "fd_mean": 0.0736670705830424,
  "fd_num": 3,
  "fd_perc": 0.6276150627615062,
  "fwhm_avg": 1.9505727361628578,
  "fwhm_x": 1.9295466666666667,
  "fwhm_y": 2.07642,
  "fwhm_z": 1.8457515418219066,
  "gcor": 0.0209945,
  "gsr_x": -0.014553934335708618,
  "gsr_y": 0.010017365217208862,
  "provenance": {
    "md5sum": "6c4bc0707cb6e48b6ed7f44f22cdd36f",
    "settings": {
      "fd_thres": 0.2,
      "testing": false
    },
    "software": "mriqc",
    "version": "22.0.0rc1",
    "webapi_port": null,
    "webapi_url": "https://mriqc.nimh.nih.gov/api/v1"
  },
  "size_t": 478,
  "size_x": 80,
  "size_y": 80,
  "size_z": 36,
  "snr": 6.132436782295173,
  "spacing_tr": 0.75,
  "spacing_x": 3.0,
  "spacing_y": 3.0,
  "spacing_z": 3.299999952316284,
  "summary_bg_k": 29.739319005967488,
  "summary_bg_mad": 45.405631784386465,
  "summary_bg_mean": 545.75390625,
  "summary_bg_median": 43.95874786376953,
  "summary_bg_n": 152809.0,
  "summary_bg_p05": 3.9438179016113284,
  "summary_bg_p95": 3421.2008789062525,
  "summary_bg_stdv": 1536.2486572265625,
  "summary_fg_k": 0.616180878103894,
  "summary_fg_mad": 3060.4297767681505,
  "summary_fg_mean": 19278.1875,
  "summary_fg_median": 19131.359375,
  "summary_fg_n": 36352.0,
  "summary_fg_p05": 14420.071972656251,
  "summary_fg_p95": 24507.002050781248,
  "summary_fg_stdv": 3119.656494140625,
  "tsnr": 55.28741455078125
}