{
  "aor": 0.00198135,
  "aqi": 0.0056942267,
  "bids_meta": {
    "AcquisitionNumber": 10,
    "BidsifyVersion": "0.3.5",
    "ConversionSoftware": "dcm2niix",
    "ConversionSoftwareVersion": "v1.0.20181125  GCC6.3.0",
    "EchoTime": 0.02762,
    "EffectiveEchoSpacing": 0.0006621159151938905,
    "ImageComments": "Piop",
    "ImageOrientationPatientDICOM": [
      0.999138,
      0.0318951,
      0.0265689,
      -0.0277339,
      0.989122,
      -0.144458
    ],
    "Manufacturer": "Philips",
    "NumberOfVolumesDiscardedByScanner": 2,
    "ParallelAcquisitionTechnique": "SENSE",
    "ParallelReductionFactorInPlane": 2,
    "PatientPosition": "HFS",
    "PhaseEncodingDirection": "j",
    "PhilipsRescaleIntercept": 0,
    "PhilipsRescaleSlope": 0.8525,
    "PhilipsScaleSlope": 0.0599334,
    "ProtocolName": "WIPpiopanticipatieSENSE",
    "PulseSequenceType": "gradient echo EPI",
    "ReconMatrixPE": 80,
    "RepetitionTime": 2,
    "SeriesDescription": "ImageMRSERIES",
    "SeriesNumber": 10,
    "SliceEncodingDirection": "k",
    "SliceTiming": [
      0.0,
      0.0541,
      0.1081,
      0.1622,
      0.2162,
      0.2703,
      0.3243,
      0.3784,
      0.4324,
      0.4865,
      0.5405,
      0.5946,
      0.6486,
      0.7027,
      0.7568,
      0.8108,
      0.8649,
      0.9189,
      0.973,
      1.027,
      1.0811,
      1.1351,
      1.1892,
      1.2432,
      1.2973,
      1.3514,
      1.4054,
      1.4595,
      1.5135,
      1.5676,
      1.6216,
      1.6757,
      1.7297,
      1.7838,
      1.8378,
      1.8919,
      1.9459
    ],
    "TaskName": "anticipation",
    "TotalReadoutTime": 0.025822520692561732,
    "UsePhilipsFloatNotDisplayScaling": 1,
    "acq_id": "seq",
    "dataset": "ds002785",
    "modality": "bold",
    "subject_id": "0005",
    "task_id": "anticipation"
  },
  "dummy_trs": 0,
  "dvars_nstd": 25.96081054185929,
  "dvars_std": 1.3552969964321604,
  "dvars_vstd": 0.9917073543216075,
  "efc": 0.4409438299925998,
  "fber": 168337.0,
  "fd_mean": 0.1410131285017568,
  "fd_num": 33,
  "fd_perc": 16.5,
  "fwhm_avg": 1.8732964732335766,
  "fwhm_x": 1.84352,
  "fwhm_y": 1.99353,
  "fwhm_z": 1.7828394197007298,
  "gcor": 0.0168427,
  "gsr_x": -0.01245809718966484,
  "gsr_y": 0.013417400419712067,
  "provenance": {
    "md5sum": "29abd5857d79483b17ed10b5e7cdb089",
    "settings": {
      "fd_thres": 0.2,
      "testing": false
    },
    "software": "mriqc",
    "version": "22.0.0rc1",
    "webapi_port": null,
    "webapi_url": "https://mriqc.nimh.nih.gov/api/v1"
  },
  "size_t": 200,
  "size_x": 80,
  "size_y": 80,
  "size_z": 37,
  "snr": 5.063545374205443,
  "spacing_tr": 2.0,
  "spacing_x": 3.0,
  "spacing_y": 3.0,
  "spacing_z": 3.299999952316284,
  "summary_bg_k": 40.495144508213556,
  "summary_bg_mad": 64.91347846742838,
  "summary_bg_mean": 720.356689453125,
  "summary_bg_median": 60.459938049316406,
  "summary_bg_n": 157372.0,
  "summary_bg_p05": 4.939053058624268,
  "summary_bg_p95": 4553.994897460934,
  "summary_bg_stdv": 2114.509521484375,
  "summary_fg_k": 1.4822280175170386,
  "summary_fg_mad": 4779.893626071042,
  "summary_fg_mean": 26255.056640625,
  "summary_fg_median": 25601.392578125,
  "summary_fg_n": 37424.0,
  "summary_fg_p05": 19159.894140625,
  "summary_fg_p95": 35071.5453125,
  "summary_fg_stdv": 5055.95361328125,
  "tsnr": 74.9728775024414
}