{
  "aor": 0.00038221884498480243,
  "aqi": 0.0068165528875379945,
  "bids_meta": {
    "AcquisitionNumber": 2,
    "BidsifyVersion": "0.3.5",
    "ConversionSoftware": "dcm2niix",
    "ConversionSoftwareVersion": "v1.0.20181125  GCC6.3.0",
    "EchoTime": 0.02762,
    "EffectiveEchoSpacing": 0.0006333282667071997,
    "ImageComments": "Piop",
    "ImageOrientationPatientDICOM": [
      0.999138,
      0.0318951,
      0.0265689,
      -0.0277339,
      0.989122,
      -0.144458
    ],
    "Manufacturer": "Philips",
    "NumberOfVolumesDiscardedByScanner": 2,
    "ParallelAcquisitionTechnique": "SENSE",
    "ParallelReductionFactorInPlane": 2,
    "PatientPosition": "HFS",
    "PhaseEncodingDirection": "j",
    "PhilipsRescaleIntercept": 0,
    "PhilipsRescaleSlope": 0.7663,
    "PhilipsScaleSlope": 0.0961213,
    "ProtocolName": "WIPpiopfacesSENSE",
    "PulseSequenceType": "gradient echo EPI",
    "ReconMatrixPE": 80,
    "RepetitionTime": 0.75,
    "SeriesDescription": "ImageMRSERIES",
    "SeriesNumber": 2,
    "SliceEncodingDirection": "k",
    "SliceTiming": [
      0.0,
      0.06755050505050506,
      0.1351010101010101,
      0.20265151515151517,
      0.2702020202020202,
      0.3377525252525253,
      0.40530303030303033,
      0.47285353535353536,
      0.5404040404040404,
      0.6079545454545455,
      0.6755050505050506,
      0.7430555555555556,
      0.0,
      0.06755050505050506,
      0.1351010101010101,
      0.20265151515151517,
      0.2702020202020202,
      0.3377525252525253,
      0.40530303030303033,
      0.47285353535353536,
      0.5404040404040404,
      0.6079545454545455,
      0.6755050505050506,
      0.7430555555555556,
      0.0,
      0.06755050505050506,
      0.1351010101010101,
      0.20265151515151517,
      0.2702020202020202,
      0.3377525252525253,
      0.40530303030303033,
      0.47285353535353536,
      0.5404040404040404,
      0.6079545454545455,
      0.6755050505050506,
      0.7430555555555556
    ],
    "TaskName": "faces",
    "TotalReadoutTime": 0.024699802401580786,
    "UsePhilipsFloatNotDisplayScaling": 1,
    "acq_id": "mb3",
    "dataset": "ds002785",
    "modality": "bold",
    "subject_id": "0005",
    "task_id": "faces"
  },
  "dummy_trs": 1,
  "dvars_nstd": 26.333461819512202,
  "dvars_std": 1.1995542814024396,
  "dvars_vstd": 0.9988078414024388,
  "efc": 0.4457564133668881,
  "fber": 185285.0625,
  "fd_mean": 0.0951319846860451,
  "fd_num": 7,
  "fd_perc": 2.127659574468085,
  "fwhm_avg": 2.16220510818834,
  "fwhm_x": 2.17111,
  "fwhm_y": 2.31949,
  "fwhm_z": 1.9960153245650198,
  "gcor": 0.0244168,
  "gsr_x": -0.01445038802921772,
  "gsr_y": 0.010036964900791645,
  "provenance": {
    "md5sum": "646caff383fec5c152b872de710f4a7e",
    "settings": {
      "fd_thres": 0.2,
      "testing": false
    },
    "software": "mriqc",
    "version": "22.0.0rc1",
    "webapi_port": null,
    "webapi_url": "https://mriqc.nimh.nih.gov/api/v1"
  },
  "size_t": 329,
  "size_x": 80,
  "size_y": 80,
  "size_z": 36,
  "snr": 6.325798687686152,
  "spacing_tr": 0.75,
  "spacing_x": 3.0,
  "spacing_y": 3.0,
  "spacing_z": 3.299999713897705,
  "summary_bg_k": 31.43619583808821,
  "summary_bg_mad": 45.24897231420406,
  "summary_bg_mean": 521.9109497070312,
  "summary_bg_median": 44.40549087524414,
  "summary_bg_n": 152757.0,
  "summary_bg_p05": 4.778783512115479,
  "summary_bg_p95": 3210.4930664062495,
  "summary_bg_stdv": 1449.076904296875,
  "summary_fg_k": 0.409536510332011,
  "summary_fg_mad": 3024.2652863249546,
  "summary_fg_mean": 19623.70703125,
  "summary_fg_median": 19473.84765625,
  "summary_fg_n": 36451.0,
  "summary_fg_p05": 14781.7998046875,
  "summary_fg_p95": 24809.8603515625,
  "summary_fg_stdv": 3078.438232421875,
  "tsnr": 64.8975830078125
}