{
  "aor": 0.0024157551020408167,
  "aqi": 0.005176144326530612,
  "bids_meta": {
    "AcquisitionNumber": 4,
    "BidsifyVersion": "0.3.5",
    "ConversionSoftware": "dcm2niix",
    "ConversionSoftwareVersion": "v1.0.20181125  GCC6.3.0",
    "EchoTime": 0.02762,
    "EffectiveEchoSpacing": 0.0006621159151938905,
    "ImageComments": "Piop",
    "ImageOrientationPatientDICOM": [
      0.999138,
      0.0318951,
      0.0265689,
      -0.0277339,
      0.989122,
      -0.144458
    ],
    "Manufacturer": "Philips",
    "NumberOfVolumesDiscardedByScanner": 2,
    "ParallelAcquisitionTechnique": "SENSE",
    "ParallelReductionFactorInPlane": 2,
    "PatientPosition": "HFS",
    "PhaseEncodingDirection": "j",
    "PhilipsRescaleIntercept": 0,
    "PhilipsRescaleSlope": 0.82173,
    "PhilipsScaleSlope": 0.0616622,
    "ProtocolName": "WIPpiopgstroopSENSE",
    "PulseSequenceType": "gradient echo EPI",
    "ReconMatrixPE": 80,
    "RepetitionTime": 2,
    "SeriesDescription": "ImageMRSERIES",
    "SeriesNumber": 4,
    "SliceEncodingDirection": "k",
    "SliceTiming": [
      0.0,
      0.0541,
      0.1081,
      0.1622,
      0.2162,
      0.2703,
      0.3243,
      0.3784,
      0.4324,
      0.4865,
      0.5405,
      0.5946,
      0.6486,
      0.7027,
      0.7568,
      0.8108,
      0.8649,
      0.9189,
      0.973,
      1.027,
      1.0811,
      1.1351,
      1.1892,
      1.2432,
      1.2973,
      1.3514,
      1.4054,
      1.4595,
      1.5135,
      1.5676,
      1.6216,
      1.6757,
      1.7297,
      1.7838,
      1.8378,
      1.8919,
      1.9459
    ],
    "TaskName": "gstroop",
    "TotalReadoutTime": 0.025822520692561732,
    "UsePhilipsFloatNotDisplayScaling": 1,
    "acq_id": "seq",
    "dataset": "ds002785",
    "modality": "bold",
    "subject_id": "0005",
    "task_id": "gstroop"
  },
  "dummy_trs": 0,
  "dvars_nstd": 25.38167907778688,
  "dvars_std": 1.3781218305737692,
  "dvars_vstd": 1.0253670120491813,
  "efc": 0.43996044360867265,
  "fber": 174606.8125,
  "fd_mean": 0.12922531267013554,
  "fd_num": 23,
  "fd_perc": 9.387755102040817,
  "fwhm_avg": 1.8707615237187918,
  "fwhm_x": 1.8353400000000002,
  "fwhm_y": 1.9982233333333335,
  "fwhm_z": 1.778721237823042,
  "gcor": 0.0177166,
  "gsr_x": -0.011789657175540924,
  "gsr_y": 0.013312900438904762,
  "provenance": {
    "md5sum": "63fffbecbed8648c7a231e0eb85c40e5",
    "settings": {
      "fd_thres": 0.2,
      "testing": false
    },
    "software": "mriqc",
    "version": "22.0.0rc1",
    "webapi_port": null,
    "webapi_url": "https://mriqc.nimh.nih.gov/api/v1"
  },
  "size_t": 245,
  "size_x": 80,
  "size_y": 80,
  "size_z": 37,
  "snr": 5.127973915740207,
  "spacing_tr": 2.0,
  "spacing_x": 3.0,
  "spacing_y": 3.0,
  "spacing_z": 3.299999952316284,
  "summary_bg_k": 41.56276369877682,
  "summary_bg_mad": 56.63719731425544,
  "summary_bg_mean": 696.2586059570312,
  "summary_bg_median": 59.54410171508789,
  "summary_bg_n": 157362.0,
  "summary_bg_p05": 7.040741205215454,
  "summary_bg_p95": 4322.490917968749,
  "summary_bg_stdv": 2076.78369140625,
  "summary_fg_k": 1.431770402327567,
  "summary_fg_mad": 4748.205899357943,
  "summary_fg_mean": 26210.90234375,
  "summary_fg_median": 25599.3203125,
  "summary_fg_n": 37446.0,
  "summary_fg_p05": 19217.73046875,
  "summary_fg_p95": 34896.6728515625,
  "summary_fg_stdv": 4992.02587890625,
  "tsnr": 76.62619018554688
}