{
  "aor": 0.0004173636363636364,
  "aqi": 0.006498391333333333,
  "bids_meta": {
    "AcquisitionNumber": 2,
    "BidsifyVersion": "0.3.5",
    "ConversionSoftware": "dcm2niix",
    "ConversionSoftwareVersion": "v1.0.20181125  GCC6.3.0",
    "EchoTime": 0.02762,
    "EffectiveEchoSpacing": 0.0006333282667071997,
    "ImageComments": "piop",
    "ImageOrientationPatientDICOM": [
      0.999966,
      -0.007903,
      0.0022049,
      0.00820296,
      0.968681,
      -0.248173
    ],
    "Manufacturer": "Philips",
    "NumberOfVolumesDiscardedByScanner": 2,
    "ParallelAcquisitionTechnique": "SENSE",
    "ParallelReductionFactorInPlane": 2,
    "PatientPosition": "HFS",
    "PhaseEncodingDirection": "j",
    "PhilipsRescaleIntercept": 0,
    "PhilipsRescaleSlope": 0.80659,
    "PhilipsScaleSlope": 0.085536,
    "ProtocolName": "WIPpiopfacesSENSE",
    "PulseSequenceType": "gradient echo EPI",
    "ReconMatrixPE": 80,
    "RepetitionTime": 0.75,
    "SeriesDescription": "ImageMRSERIES",
    "SeriesNumber": 2,
    "SliceEncodingDirection": "k",
    "SliceTiming": [
      0.0,
      0.06755050505050506,
      0.1351010101010101,
      0.20265151515151517,
      0.2702020202020202,
      0.3377525252525253,
      0.40530303030303033,
      0.47285353535353536,
      0.5404040404040404,
      0.6079545454545455,
      0.6755050505050506,
      0.7430555555555556,
      0.0,
      0.06755050505050506,
      0.1351010101010101,
      0.20265151515151517,
      0.2702020202020202,
      0.3377525252525253,
      0.40530303030303033,
      0.47285353535353536,
      0.5404040404040404,
      0.6079545454545455,
      0.6755050505050506,
      0.7430555555555556,
      0.0,
      0.06755050505050506,
      0.1351010101010101,
      0.20265151515151517,
      0.2702020202020202,
      0.3377525252525253,
      0.40530303030303033,
      0.47285353535353536,
      0.5404040404040404,
      0.6079545454545455,
      0.6755050505050506,
      0.7430555555555556
    ],
    "TaskName": "faces",
    "TotalReadoutTime": 0.024699802401580786,
    "UsePhilipsFloatNotDisplayScaling": 1,
    "acq_id": "mb3",
    "dataset": "ds002785",
    "modality": "bold",
    "subject_id": "0169",
    "task_id": "faces"
  },
  "dummy_trs": 0,
  "dvars_nstd": 21.095994114468077,
  "dvars_std": 1.1020450573556235,
  "dvars_vstd": 1.007962851246201,
  "efc": 0.441832094502306,
  "fber": 138586.3125,
  "fd_mean": 0.1001256776516861,
  "fd_num": 7,
  "fd_perc": 2.121212121212121,
  "fwhm_avg": 1.987954798520148,
  "fwhm_x": 1.9764966666666668,
  "fwhm_y": 2.2210433333333333,
  "fwhm_z": 1.7663243955604435,
  "gcor": 0.0204955,
  "gsr_x": -0.02128446474671364,
  "gsr_y": 0.022762903943657875,
  "provenance": {
    "md5sum": "a8a561db8d6aa136e2370e1698704b97",
    "settings": {
      "fd_thres": 0.2,
      "testing": false
    },
    "software": "mriqc",
    "version": "22.0.0rc1",
    "webapi_port": null,
    "webapi_url": "https://mriqc.nimh.nih.gov/api/v1"
  },
  "size_t": 330,
  "size_x": 80,
  "size_y": 80,
  "size_z": 36,
  "snr": 7.305502229223472,
  "spacing_tr": 0.75,
  "spacing_x": 3.0,
  "spacing_y": 3.0,
  "spacing_z": 3.299999713897705,
  "summary_bg_k": 34.53794094975614,
  "summary_bg_mad": 54.69539711562922,
  "summary_bg_mean": 507.4803771972656,
  "summary_bg_median": 49.50660705566406,
  "summary_bg_n": 154756.0,
  "summary_bg_p05": 3.9705302119255066,
  "summary_bg_p95": 2843.4939575195312,
  "summary_bg_stdv": 1316.4281005859375,
  "summary_fg_k": 1.3574585608855463,
  "summary_fg_mad": 2414.3453201499224,
  "summary_fg_mean": 18625.94921875,
  "summary_fg_median": 18656.662109375,
  "summary_fg_n": 34821.0,
  "summary_fg_p05": 14371.2724609375,
  "summary_fg_p95": 22542.1015625,
  "summary_fg_stdv": 2553.74560546875,
  "tsnr": 67.9317855834961
}