{
  "aor": 0.0005927083333333333,
  "aqi": 0.009061489499999999,
  "bids_meta": {
    "AcquisitionNumber": 6,
    "BidsifyVersion": "0.3.5",
    "ConversionSoftware": "dcm2niix",
    "ConversionSoftwareVersion": "v1.0.20181125  GCC6.3.0",
    "EchoTime": 0.02762,
    "EffectiveEchoSpacing": 0.0006333282667071997,
    "ImageComments": "piop",
    "ImageOrientationPatientDICOM": [
      0.999966,
      -0.007903,
      0.0022049,
      0.00820296,
      0.968681,
      -0.248173
    ],
    "Manufacturer": "Philips",
    "NumberOfVolumesDiscardedByScanner": 2,
    "ParallelAcquisitionTechnique": "SENSE",
    "ParallelReductionFactorInPlane": 2,
    "PatientPosition": "HFS",
    "PhaseEncodingDirection": "j",
    "PhilipsRescaleIntercept": 0,
    "PhilipsRescaleSlope": 0.80488,
    "PhilipsScaleSlope": 0.0837685,
    "ProtocolName": "WIPpioprsSENSE",
    "PulseSequenceType": "gradient echo EPI",
    "ReconMatrixPE": 80,
    "RepetitionTime": 0.75,
    "SeriesDescription": "ImageMRSERIES",
    "SeriesNumber": 6,
    "SliceEncodingDirection": "k",
    "SliceTiming": [
      0.0,
      0.06755050505050506,
      0.1351010101010101,
      0.20265151515151517,
      0.2702020202020202,
      0.3377525252525253,
      0.40530303030303033,
      0.47285353535353536,
      0.5404040404040404,
      0.6079545454545455,
      0.6755050505050506,
      0.7430555555555556,
      0.0,
      0.06755050505050506,
      0.1351010101010101,
      0.20265151515151517,
      0.2702020202020202,
      0.3377525252525253,
      0.40530303030303033,
      0.47285353535353536,
      0.5404040404040404,
      0.6079545454545455,
      0.6755050505050506,
      0.7430555555555556,
      0.0,
      0.06755050505050506,
      0.1351010101010101,
      0.20265151515151517,
      0.2702020202020202,
      0.3377525252525253,
      0.40530303030303033,
      0.47285353535353536,
      0.5404040404040404,
      0.6079545454545455,
      0.6755050505050506,
      0.7430555555555556
    ],
    "TaskName": "restingstate",
    "TotalReadoutTime": 0.024699802401580786,
    "UsePhilipsFloatNotDisplayScaling": 1,
    "acq_id": "mb3",
    "dataset": "ds002785",
    "modality": "bold",
    "subject_id": "0169",
    "task_id": "restingstate"
  },
  "dummy_trs": 0,
  "dvars_nstd": 25.66162374553235,
  "dvars_std": 1.1078482502922746,
  "dvars_vstd": 1.0003040725260965,
  "efc": 0.4424008381577127,
  "fber": 132076.421875,
  "fd_mean": 0.09629682739508208,
  "fd_num": 9,
  "fd_perc": 1.875,
  "fwhm_avg": 1.795286068518755,
  "fwhm_x": 1.76788,
  "fwhm_y": 1.97516,
  "fwhm_z": 1.6428182055562655,
  "gcor": 0.0283687,
  "gsr_x": -0.021006114780902863,
  "gsr_y": 0.023436514660716057,
  "provenance": {
    "md5sum": "2e899a54ef40c7c8b286e26bd85cfa19",
    "settings": {
      "fd_thres": 0.2,
      "testing": false
    },
    "software": "mriqc",
    "version": "22.0.0rc1",
    "webapi_port": null,
    "webapi_url": "https://mriqc.nimh.nih.gov/api/v1"
  },
  "size_t": 480,
  "size_x": 80,
  "size_y": 80,
  "size_z": 36,
  "snr": 6.965001897559056,
  "spacing_tr": 0.75,
  "spacing_x": 3.0,
  "spacing_y": 3.0,
  "spacing_z": 3.299999952316284,
  "summary_bg_k": 31.559528410399196,
  "summary_bg_mad": 54.88219640418509,
  "summary_bg_mean": 525.765869140625,
  "summary_bg_median": 48.87590026855469,
  "summary_bg_n": 154825.0,
  "summary_bg_p05": 3.1201559543609627,
  "summary_bg_p95": 3013.0800292968743,
  "summary_bg_stdv": 1383.89306640625,
  "summary_fg_k": 1.4713344360178775,
  "summary_fg_mad": 2435.098855501543,
  "summary_fg_mean": 18074.2734375,
  "summary_fg_median": 18082.74609375,
  "summary_fg_n": 34839.0,
  "summary_fg_p05": 13842.04091796875,
  "summary_fg_p95": 22072.02421875,
  "summary_fg_stdv": 2596.192626953125,
  "tsnr": 54.86267852783203
}