{
  "aor": 0.0012388979591836735,
  "aqi": 0.004729736653061225,
  "bids_meta": {
    "AcquisitionNumber": 3,
    "BidsifyVersion": "0.3.5",
    "ConversionSoftware": "dcm2niix",
    "ConversionSoftwareVersion": "v1.0.20181125  GCC6.3.0",
    "EchoTime": 0.02762,
    "EffectiveEchoSpacing": 0.0006621159151938905,
    "ImageComments": "piop",
    "ImageOrientationPatientDICOM": [
      0.990406,
      0.133497,
      -0.035703,
      -0.134612,
      0.990417,
      -0.0308958
    ],
    "Manufacturer": "Philips",
    "NumberOfVolumesDiscardedByScanner": 2,
    "ParallelAcquisitionTechnique": "SENSE",
    "ParallelReductionFactorInPlane": 2,
    "PatientPosition": "HFS",
    "PhaseEncodingDirection": "j",
    "PhilipsRescaleIntercept": 0,
    "PhilipsRescaleSlope": 0.89206,
    "PhilipsScaleSlope": 0.0604654,
    "ProtocolName": "WIPpiopgstroopSENSE",
    "PulseSequenceType": "gradient echo EPI",
    "ReconMatrixPE": 80,
    "RepetitionTime": 2,
    "SeriesDescription": "ImageMRSERIES",
    "SeriesNumber": 3,
    "SliceEncodingDirection": "k",
    "SliceTiming": [
      0.0,
      0.0541,
      0.1081,
      0.1622,
      0.2162,
      0.2703,
      0.3243,
      0.3784,
      0.4324,
      0.4865,
      0.5405,
      0.5946,
      0.6486,
      0.7027,
      0.7568,
      0.8108,
      0.8649,
      0.9189,
      0.973,
      1.027,
      1.0811,
      1.1351,
      1.1892,
      1.2432,
      1.2973,
      1.3514,
      1.4054,
      1.4595,
      1.5135,
      1.5676,
      1.6216,
      1.6757,
      1.7297,
      1.7838,
      1.8378,
      1.8919,
      1.9459
    ],
    "TaskName": "gstroop",
    "TotalReadoutTime": 0.025822520692561732,
    "UsePhilipsFloatNotDisplayScaling": 1,
    "acq_id": "seq",
    "dataset": "ds002785",
    "modality": "bold",
    "subject_id": "0016",
    "task_id": "gstroop"
  },
  "dummy_trs": 0,
  "dvars_nstd": 23.8053309332377,
  "dvars_std": 1.246391715819672,
  "dvars_vstd": 1.0160523016393443,
  "efc": 0.4220944017357751,
  "fber": 181235.234375,
  "fd_mean": 0.18558237539818595,
  "fd_num": 95,
  "fd_perc": 38.775510204081634,
  "fwhm_avg": 1.7147031389387017,
  "fwhm_x": 1.6789766666666666,
  "fwhm_y": 1.8819266666666667,
  "fwhm_z": 1.5832060834827724,
  "gcor": 0.050605,
  "gsr_x": -0.010532763786613941,
  "gsr_y": 0.013630708679556847,
  "provenance": {
    "md5sum": "30dcf90c4e5b2731d96909361e9d4aed",
    "settings": {
      "fd_thres": 0.2,
      "testing": false
    },
    "software": "mriqc",
    "version": "22.0.0rc1",
    "webapi_port": null,
    "webapi_url": "https://mriqc.nimh.nih.gov/api/v1"
  },
  "size_t": 245,
  "size_x": 80,
  "size_y": 80,
  "size_z": 37,
  "snr": 5.589102552570058,
  "spacing_tr": 2.0,
  "spacing_x": 3.0,
  "spacing_y": 3.0,
  "spacing_z": 3.299999952316284,
  "summary_bg_k": 65.26288301610053,
  "summary_bg_mad": 56.82110655103192,
  "summary_bg_mean": 638.1524047851562,
  "summary_bg_median": 51.907501220703125,
  "summary_bg_n": 162790.0,
  "summary_bg_p05": 3.017217636108399,
  "summary_bg_p95": 3428.309216308593,
  "summary_bg_stdv": 1932.8040771484375,
  "summary_fg_k": 3.153872530500407,
  "summary_fg_mad": 3828.8520820727554,
  "summary_fg_mean": 23170.564453125,
  "summary_fg_median": 22870.68359375,
  "summary_fg_n": 33301.0,
  "summary_fg_p05": 17544.724609375,
  "summary_fg_p95": 29546.3359375,
  "summary_fg_stdv": 4091.9521484375,
  "tsnr": 75.12413024902344
}