{
  "aor": 0.00225775,
  "aqi": 0.0169599402,
  "bids_meta": {
    "AcquisitionNumber": 9,
    "BidsifyVersion": "0.3.5",
    "ConversionSoftware": "dcm2niix",
    "ConversionSoftwareVersion": "v1.0.20181125  GCC6.3.0",
    "EchoTime": 0.02762,
    "EffectiveEchoSpacing": 0.0006621159151938905,
    "ImageComments": "piop",
    "ImageOrientationPatientDICOM": [
      0.990406,
      0.133497,
      -0.035703,
      -0.134612,
      0.990417,
      -0.0308958
    ],
    "Manufacturer": "Philips",
    "NumberOfVolumesDiscardedByScanner": 2,
    "ParallelAcquisitionTechnique": "SENSE",
    "ParallelReductionFactorInPlane": 2,
    "PatientPosition": "HFS",
    "PhaseEncodingDirection": "j",
    "PhilipsRescaleIntercept": 0,
    "PhilipsRescaleSlope": 0.8381,
    "PhilipsScaleSlope": 0.062776,
    "ProtocolName": "WIPpiopanticipatieSENSE",
    "PulseSequenceType": "gradient echo EPI",
    "ReconMatrixPE": 80,
    "RepetitionTime": 2,
    "SeriesDescription": "ImageMRSERIES",
    "SeriesNumber": 9,
    "SliceEncodingDirection": "k",
    "SliceTiming": [
      0.0,
      0.0541,
      0.1081,
      0.1622,
      0.2162,
      0.2703,
      0.3243,
      0.3784,
      0.4324,
      0.4865,
      0.5405,
      0.5946,
      0.6486,
      0.7027,
      0.7568,
      0.8108,
      0.8649,
      0.9189,
      0.973,
      1.027,
      1.0811,
      1.1351,
      1.1892,
      1.2432,
      1.2973,
      1.3514,
      1.4054,
      1.4595,
      1.5135,
      1.5676,
      1.6216,
      1.6757,
      1.7297,
      1.7838,
      1.8378,
      1.8919,
      1.9459
    ],
    "TaskName": "anticipation",
    "TotalReadoutTime": 0.025822520692561732,
    "UsePhilipsFloatNotDisplayScaling": 1,
    "acq_id": "seq",
    "dataset": "ds002785",
    "modality": "bold",
    "subject_id": "0016",
    "task_id": "anticipation"
  },
  "dummy_trs": 0,
  "dvars_nstd": 26.470414779949753,
  "dvars_std": 1.0883204437185927,
  "dvars_vstd": 0.9232714822613062,
  "efc": 0.4234761942045823,
  "fber": 171614.484375,
  "fd_mean": 0.26509000714702524,
  "fd_num": 130,
  "fd_perc": 65.0,
  "fwhm_avg": 1.712275260001204,
  "fwhm_x": 1.6820000000000002,
  "fwhm_y": 1.9026833333333333,
  "fwhm_z": 1.5521424466702785,
  "gcor": 0.0264803,
  "gsr_x": -0.010747669264674187,
  "gsr_y": 0.01451718620955944,
  "provenance": {
    "md5sum": "c9c646ee546c6f704258eb6240f2957f",
    "settings": {
      "fd_thres": 0.2,
      "testing": false
    },
    "software": "mriqc",
    "version": "22.0.0rc1",
    "webapi_port": null,
    "webapi_url": "https://mriqc.nimh.nih.gov/api/v1"
  },
  "size_t": 200,
  "size_x": 80,
  "size_y": 80,
  "size_z": 37,
  "snr": 5.574152977140014,
  "spacing_tr": 2.0,
  "spacing_x": 3.0,
  "spacing_y": 3.0,
  "spacing_z": 3.299999952316284,
  "summary_bg_k": 57.81647089884772,
  "summary_bg_mad": 59.49317150902638,
  "summary_bg_mean": 659.7129516601562,
  "summary_bg_median": 52.11554718017578,
  "summary_bg_n": 163090.0,
  "summary_bg_p05": 3.3981355428695683,
  "summary_bg_p95": 3631.38447265625,
  "summary_bg_stdv": 1918.313720703125,
  "summary_fg_k": 2.9079893319037033,
  "summary_fg_mad": 3754.21811804978,
  "summary_fg_mean": 22665.498046875,
  "summary_fg_median": 22352.76171875,
  "summary_fg_n": 33114.0,
  "summary_fg_p05": 17118.06826171875,
  "summary_fg_p95": 29048.23779296875,
  "summary_fg_stdv": 4010.0126953125,
  "tsnr": 46.84845733642578
}