{
  "aor": 0.001198435517970402,
  "aqi": 0.018626473002114164,
  "bids_meta": {
    "AcquisitionNumber": 6,
    "BidsifyVersion": "0.3.5",
    "ConversionSoftware": "dcm2niix",
    "ConversionSoftwareVersion": "v1.0.20181125  GCC6.3.0",
    "EchoTime": 0.02762,
    "EffectiveEchoSpacing": 0.0006333282667071997,
    "ImageComments": "piop",
    "ImageOrientationPatientDICOM": [
      0.990406,
      0.133497,
      -0.035703,
      -0.134612,
      0.990417,
      -0.0308958
    ],
    "Manufacturer": "Philips",
    "NumberOfVolumesDiscardedByScanner": 2,
    "ParallelAcquisitionTechnique": "SENSE",
    "ParallelReductionFactorInPlane": 2,
    "PatientPosition": "HFS",
    "PhaseEncodingDirection": "j",
    "PhilipsRescaleIntercept": 0,
    "PhilipsRescaleSlope": 0.75702,
    "PhilipsScaleSlope": 0.0938604,
    "ProtocolName": "WIPpioprsSENSE",
    "PulseSequenceType": "gradient echo EPI",
    "ReconMatrixPE": 80,
    "RepetitionTime": 0.75,
    "SeriesDescription": "ImageMRSERIES",
    "SeriesNumber": 6,
    "SliceEncodingDirection": "k",
    "SliceTiming": [
      0.0,
      0.06755050505050506,
      0.1351010101010101,
      0.20265151515151517,
      0.2702020202020202,
      0.3377525252525253,
      0.40530303030303033,
      0.47285353535353536,
      0.5404040404040404,
      0.6079545454545455,
      0.6755050505050506,
      0.7430555555555556,
      0.0,
      0.06755050505050506,
      0.1351010101010101,
      0.20265151515151517,
      0.2702020202020202,
      0.3377525252525253,
      0.40530303030303033,
      0.47285353535353536,
      0.5404040404040404,
      0.6079545454545455,
      0.6755050505050506,
      0.7430555555555556,
      0.0,
      0.06755050505050506,
      0.1351010101010101,
      0.20265151515151517,
      0.2702020202020202,
      0.3377525252525253,
      0.40530303030303033,
      0.47285353535353536,
      0.5404040404040404,
      0.6079545454545455,
      0.6755050505050506,
      0.7430555555555556
    ],
    "TaskName": "restingstate",
    "TotalReadoutTime": 0.024699802401580786,
    "UsePhilipsFloatNotDisplayScaling": 1,
    "acq_id": "mb3",
    "dataset": "ds002785",
    "modality": "bold",
    "subject_id": "0016",
    "task_id": "restingstate"
  },
  "dummy_trs": 7,
  "dvars_nstd": 30.112040992542358,
  "dvars_std": 1.0684982195550843,
  "dvars_vstd": 0.9825168284110168,
  "efc": 0.42627388463249427,
  "fber": 208488.484375,
  "fd_mean": 0.19604337349093567,
  "fd_num": 190,
  "fd_perc": 40.169133192389005,
  "fwhm_avg": 1.6712664717373995,
  "fwhm_x": 1.6591166666666668,
  "fwhm_y": 1.8824766666666666,
  "fwhm_z": 1.4722060818788656,
  "gcor": 0.0144479,
  "gsr_x": -0.009424751624464989,
  "gsr_y": 0.01326077338308096,
  "provenance": {
    "md5sum": "d9c1b19496d5d0ecb2b457803a8e52ff",
    "settings": {
      "fd_thres": 0.2,
      "testing": false
    },
    "software": "mriqc",
    "version": "22.0.0rc1",
    "webapi_port": null,
    "webapi_url": "https://mriqc.nimh.nih.gov/api/v1"
  },
  "size_t": 473,
  "size_x": 80,
  "size_y": 80,
  "size_z": 36,
  "snr": 6.999747820265664,
  "spacing_tr": 0.75,
  "spacing_x": 3.0,
  "spacing_y": 3.0,
  "spacing_z": 3.299999952316284,
  "summary_bg_k": 43.068390786443175,
  "summary_bg_mad": 43.20107936105699,
  "summary_bg_mean": 482.0052490234375,
  "summary_bg_median": 35.312801361083984,
  "summary_bg_n": 158393.0,
  "summary_bg_p05": 1.5395328998565674,
  "summary_bg_p95": 2589.355517578125,
  "summary_bg_stdv": 1359.75146484375,
  "summary_fg_k": 2.5433433689763367,
  "summary_fg_mad": 2146.577803653199,
  "summary_fg_mean": 16352.9091796875,
  "summary_fg_median": 16310.154296875,
  "summary_fg_n": 32218.0,
  "summary_fg_p05": 12860.22080078125,
  "summary_fg_p95": 20010.099707031244,
  "summary_fg_stdv": 2330.06982421875,
  "tsnr": 41.86329650878906
}