{
  "aor": 0.0002173939393939394,
  "aqi": 0.014577371151515152,
  "bids_meta": {
    "AcquisitionNumber": 2,
    "BidsifyVersion": "0.3.5",
    "ConversionSoftware": "dcm2niix",
    "ConversionSoftwareVersion": "v1.0.20181125  GCC6.3.0",
    "EchoTime": 0.02762,
    "EffectiveEchoSpacing": 0.0006333282667071997,
    "ImageComments": "piop",
    "ImageOrientationPatientDICOM": [
      0.990406,
      0.133497,
      -0.035703,
      -0.134612,
      0.990417,
      -0.0308958
    ],
    "Manufacturer": "Philips",
    "NumberOfVolumesDiscardedByScanner": 2,
    "ParallelAcquisitionTechnique": "SENSE",
    "ParallelReductionFactorInPlane": 2,
    "PatientPosition": "HFS",
    "PhaseEncodingDirection": "j",
    "PhilipsRescaleIntercept": 0,
    "PhilipsRescaleSlope": 0.77338,
    "PhilipsScaleSlope": 0.0997797,
    "ProtocolName": "WIPpiopfacesSENSE",
    "PulseSequenceType": "gradient echo EPI",
    "ReconMatrixPE": 80,
    "RepetitionTime": 0.75,
    "SeriesDescription": "ImageMRSERIES",
    "SeriesNumber": 2,
    "SliceEncodingDirection": "k",
    "SliceTiming": [
      0.0,
      0.06755050505050506,
      0.1351010101010101,
      0.20265151515151517,
      0.2702020202020202,
      0.3377525252525253,
      0.40530303030303033,
      0.47285353535353536,
      0.5404040404040404,
      0.6079545454545455,
      0.6755050505050506,
      0.7430555555555556,
      0.0,
      0.06755050505050506,
      0.1351010101010101,
      0.20265151515151517,
      0.2702020202020202,
      0.3377525252525253,
      0.40530303030303033,
      0.47285353535353536,
      0.5404040404040404,
      0.6079545454545455,
      0.6755050505050506,
      0.7430555555555556,
      0.0,
      0.06755050505050506,
      0.1351010101010101,
      0.20265151515151517,
      0.2702020202020202,
      0.3377525252525253,
      0.40530303030303033,
      0.47285353535353536,
      0.5404040404040404,
      0.6079545454545455,
      0.6755050505050506,
      0.7430555555555556
    ],
    "TaskName": "faces",
    "TotalReadoutTime": 0.024699802401580786,
    "UsePhilipsFloatNotDisplayScaling": 1,
    "acq_id": "mb3",
    "dataset": "ds002785",
    "modality": "bold",
    "subject_id": "0016",
    "task_id": "faces"
  },
  "dummy_trs": 0,
  "dvars_nstd": 25.910852791732506,
  "dvars_std": 1.055369683221884,
  "dvars_vstd": 0.95344853012158,
  "efc": 0.4268157296417809,
  "fber": 238886.515625,
  "fd_mean": 0.18400929507557648,
  "fd_num": 127,
  "fd_perc": 38.484848484848484,
  "fwhm_avg": 1.9489390408280052,
  "fwhm_x": 1.9452433333333332,
  "fwhm_y": 2.139276666666667,
  "fwhm_z": 1.7622971224840154,
  "gcor": 0.0161964,
  "gsr_x": -0.009953337721526623,
  "gsr_y": 0.012221306562423706,
  "provenance": {
    "md5sum": "f7729c76908dce915ede0e64ba17a98f",
    "settings": {
      "fd_thres": 0.2,
      "testing": false
    },
    "software": "mriqc",
    "version": "22.0.0rc1",
    "webapi_port": null,
    "webapi_url": "https://mriqc.nimh.nih.gov/api/v1"
  },
  "size_t": 330,
  "size_x": 80,
  "size_y": 80,
  "size_z": 36,
  "snr": 6.950413323402095,
  "spacing_tr": 0.75,
  "spacing_x": 3.0,
  "spacing_y": 3.0,
  "spacing_z": 3.299999713897705,
  "summary_bg_k": 44.202878324630056,
  "summary_bg_mad": 39.26745413285164,
  "summary_bg_mean": 464.75146484375,
  "summary_bg_median": 34.245357513427734,
  "summary_bg_n": 157838.0,
  "summary_bg_p05": 2.1518321871757506,
  "summary_bg_p95": 2453.9796752929688,
  "summary_bg_stdv": 1317.96435546875,
  "summary_fg_k": 1.6207223024026938,
  "summary_fg_mad": 2300.7192073509955,
  "summary_fg_mean": 17024.328125,
  "summary_fg_median": 16964.54296875,
  "summary_fg_n": 32554.0,
  "summary_fg_p05": 13272.01376953125,
  "summary_fg_p95": 20966.8607421875,
  "summary_fg_stdv": 2440.7587890625,
  "tsnr": 48.855384826660156
}