{
  "bids_meta": {
    "AcquisitionNumber": 4,
    "BidsifyVersion": "0.3.5",
    "ConversionSoftware": "dcm2niix",
    "ConversionSoftwareVersion": "v1.0.20181125  GCC6.3.0",
    "EchoTime": 0.00381,
    "ImageComments": "piop",
    "ImageOrientationPatientDICOM": [
      0.998429,
      0.034603,
      0.0440653,
      -0.0409738,
      0.987371,
      0.153032
    ],
    "Manufacturer": "Philips",
    "PatientPosition": "HFS",
    "PhilipsRescaleIntercept": 0,
    "PhilipsRescaleSlope": 9.32381,
    "PhilipsScaleSlope": 0.00733623,
    "ProtocolName": "WIPt13dSENSE",
    "ReconMatrixPE": 240,
    "RepetitionTime": 0.008303,
    "SeriesDescription": "ImageMRSERIES",
    "SeriesNumber": 4,
    "UsePhilipsFloatNotDisplayScaling": 1,
    "dataset": "ds002785",
    "modality": "T1w",
    "subject_id": "0216"
  },
  "cjv": 0.30848505081205524,
  "cnr": 4.2789806012392635,
  "efc": 0.729234224902705,
  "fber": -1.0,
  "fwhm_avg": 3.9512167423915905,
  "fwhm_x": 3.86666,
  "fwhm_y": 4.17563,
  "fwhm_z": 3.8113602271747724,
  "icvs_csf": 0.2551543459908957,
  "icvs_gm": 0.4285423721463867,
  "icvs_wm": 0.3163032818627176,
  "inu_med": 0.6504345536231995,
  "inu_range": 0.19915982782840735,
  "provenance": {
    "md5sum": "c7a0382ad4da4602f46e8a8558a3dd7c",
    "settings": {
      "testing": false
    },
    "software": "mriqc",
    "version": "23.0.1",
    "warnings": {
      "large_rot_frame": true,
      "small_air_mask": true
    },
    "webapi_port": null,
    "webapi_url": "https://mriqc.nimh.nih.gov/api/v1"
  },
  "qi_1": 0.0,
  "qi_2": 0.0001483369223041593,
  "rpve_csf": 23.283347707478132,
  "rpve_gm": 13.835360007961475,
  "rpve_wm": 22.134526761691337,
  "size_x": 240,
  "size_y": 240,
  "size_z": 220,
  "snr_csf": 1.7846876677500771,
  "snr_gm": 6.943411651440706,
  "snr_total": 10.25197629271601,
  "snr_wm": 22.02782955895725,
  "snrd_csf": 9.594843928346243,
  "snrd_gm": 30.3865683844475,
  "snrd_total": 30.6043434247142,
  "snrd_wm": 51.83161796134886,
  "spacing_x": 1.0,
  "spacing_y": 1.0,
  "spacing_z": 0.9999999403953552,
  "summary_bg_k": 810.5360313379757,
  "summary_bg_mad": 0.0,
  "summary_bg_mean": 2.5555863508671575,
  "summary_bg_median": 0.0,
  "summary_bg_n": 118666.0,
  "summary_bg_p05": 0.0,
  "summary_bg_p95": 11.056607440114021,
  "summary_bg_stdv": 12.639141152462,
  "summary_csf_k": -0.32351561486640446,
  "summary_csf_mad": 119.01372852093394,
  "summary_csf_mean": 190.59856324740954,
  "summary_csf_median": 185.10738641023636,
  "summary_csf_n": 31783.0,
  "summary_csf_p05": 32.5608429312706,
  "summary_csf_p95": 361.89913132786745,
  "summary_csf_stdv": 103.7181338124192,
  "summary_gm_k": -0.010183314082672368,
  "summary_gm_mad": 85.84759760516143,
  "summary_gm_mean": 586.6447778498058,
  "summary_gm_median": 586.229259967804,
  "summary_gm_n": 30549.0,
  "summary_gm_p05": 447.42218542099,
  "summary_gm_p95": 725.0720911025999,
  "summary_gm_stdv": 84.42818810356255,
  "summary_wm_k": 0.69346738941654,
  "summary_wm_mad": 41.780710374414724,
  "summary_wm_mean": 998.9789500853615,
  "summary_wm_median": 999.9553307890892,
  "summary_wm_n": 171107.0,
  "summary_wm_p05": 922.8998836874962,
  "summary_wm_p95": 1072.2953778505325,
  "summary_wm_stdv": 45.394958504234765,
  "tpm_overlap_csf": 0.1431762472061294,
  "tpm_overlap_gm": 0.4774632199528219,
  "tpm_overlap_wm": 0.5133246938978798,
  "wm2max": 0.7538539297447562
}