{
  "aor": 0.0017069135802469135,
  "aqi": 0.008177556790123457,
  "bids_meta": {
    "AcquisitionNumber": 8,
    "BidsifyVersion": "0.3.5",
    "ConversionSoftware": "dcm2niix",
    "ConversionSoftwareVersion": "v1.0.20181125  GCC6.3.0",
    "EchoTime": 0.02762,
    "EffectiveEchoSpacing": 0.0006621159151938905,
    "ImageComments": "Piop",
    "ImageOrientationPatientDICOM": [
      0.999039,
      0.032826,
      0.0290316,
      -0.0214502,
      0.944004,
      -0.329236
    ],
    "Manufacturer": "Philips",
    "NumberOfVolumesDiscardedByScanner": 2,
    "ParallelAcquisitionTechnique": "SENSE",
    "ParallelReductionFactorInPlane": 2,
    "PatientPosition": "HFS",
    "PhaseEncodingDirection": "j",
    "PhilipsRescaleIntercept": 0,
    "PhilipsRescaleSlope": 0.779,
    "PhilipsScaleSlope": 0.0574913,
    "ProtocolName": "WIPpiopwmSENSE",
    "PulseSequenceType": "gradient echo EPI",
    "ReconMatrixPE": 80,
    "RepetitionTime": 2,
    "SeriesDescription": "ImageMRSERIES",
    "SeriesNumber": 8,
    "SliceEncodingDirection": "k",
    "SliceTiming": [
      0.0,
      0.0541,
      0.1081,
      0.1622,
      0.2162,
      0.2703,
      0.3243,
      0.3784,
      0.4324,
      0.4865,
      0.5405,
      0.5946,
      0.6486,
      0.7027,
      0.7568,
      0.8108,
      0.8649,
      0.9189,
      0.973,
      1.027,
      1.0811,
      1.1351,
      1.1892,
      1.2432,
      1.2973,
      1.3514,
      1.4054,
      1.4595,
      1.5135,
      1.5676,
      1.6216,
      1.6757,
      1.7297,
      1.7838,
      1.8378,
      1.8919,
      1.9459
    ],
    "TaskName": "workingmemory",
    "TotalReadoutTime": 0.025822520692561732,
    "UsePhilipsFloatNotDisplayScaling": 1,
    "acq_id": "seq",
    "dataset": "ds002785",
    "modality": "bold",
    "subject_id": "0198",
    "task_id": "workingmemory"
  },
  "dummy_trs": 0,
  "dvars_nstd": 21.175426027142862,
  "dvars_std": 1.197960829440994,
  "dvars_vstd": 0.9615437970186334,
  "efc": 0.4399474701735285,
  "fber": 149533.21875,
  "fd_mean": 0.12330202621480546,
  "fd_num": 12,
  "fd_perc": 7.407407407407407,
  "fwhm_avg": 1.819836877208738,
  "fwhm_x": 1.7766933333333332,
  "fwhm_y": 1.9135233333333332,
  "fwhm_z": 1.7692939649595485,
  "gcor": 0.0100427,
  "gsr_x": -0.022306086495518684,
  "gsr_y": 0.01603616401553154,
  "provenance": {
    "md5sum": "72f0267531ec7434685cf4d2d3f37538",
    "settings": {
      "fd_thres": 0.2,
      "testing": false
    },
    "software": "mriqc",
    "version": "22.0.0rc1",
    "webapi_port": null,
    "webapi_url": "https://mriqc.nimh.nih.gov/api/v1"
  },
  "size_t": 162,
  "size_x": 80,
  "size_y": 80,
  "size_z": 37,
  "snr": 5.264106610639868,
  "spacing_tr": 2.0,
  "spacing_x": 3.0,
  "spacing_y": 3.0,
  "spacing_z": 3.299999952316284,
  "summary_bg_k": 59.76411683086262,
  "summary_bg_mad": 69.52494773718988,
  "summary_bg_mean": 613.9279174804688,
  "summary_bg_median": 63.823768615722656,
  "summary_bg_n": 156656.0,
  "summary_bg_p05": 6.364248871803284,
  "summary_bg_p95": 3127.02197265625,
  "summary_bg_stdv": 1788.2060546875,
  "summary_fg_k": 2.6420656848823034,
  "summary_fg_mad": 4158.826634036366,
  "summary_fg_mean": 25875.01171875,
  "summary_fg_median": 25411.158203125,
  "summary_fg_n": 38369.0,
  "summary_fg_p05": 19178.658203125,
  "summary_fg_p95": 34028.84921875,
  "summary_fg_stdv": 4827.18701171875,
  "tsnr": 63.802703857421875
}