{
  "aor": 0.001304969696969697,
  "aqi": 0.008607919848484849,
  "bids_meta": {
    "AcquisitionNumber": 2,
    "BidsifyVersion": "0.3.5",
    "ConversionSoftware": "dcm2niix",
    "ConversionSoftwareVersion": "v1.0.20181125  GCC6.3.0",
    "EchoTime": 0.02762,
    "EffectiveEchoSpacing": 0.0006333282667071997,
    "ImageComments": "Piop",
    "ImageOrientationPatientDICOM": [
      0.999039,
      0.032826,
      0.0290316,
      -0.0214502,
      0.944004,
      -0.329236
    ],
    "Manufacturer": "Philips",
    "NumberOfVolumesDiscardedByScanner": 2,
    "ParallelAcquisitionTechnique": "SENSE",
    "ParallelReductionFactorInPlane": 2,
    "PatientPosition": "HFS",
    "PhaseEncodingDirection": "j",
    "PhilipsRescaleIntercept": 0,
    "PhilipsRescaleSlope": 0.79805,
    "PhilipsScaleSlope": 0.0892558,
    "ProtocolName": "WIPpiopfacesSENSE",
    "PulseSequenceType": "gradient echo EPI",
    "ReconMatrixPE": 80,
    "RepetitionTime": 0.75,
    "SeriesDescription": "ImageMRSERIES",
    "SeriesNumber": 2,
    "SliceEncodingDirection": "k",
    "SliceTiming": [
      0.0,
      0.06755050505050506,
      0.1351010101010101,
      0.20265151515151517,
      0.2702020202020202,
      0.3377525252525253,
      0.40530303030303033,
      0.47285353535353536,
      0.5404040404040404,
      0.6079545454545455,
      0.6755050505050506,
      0.7430555555555556,
      0.0,
      0.06755050505050506,
      0.1351010101010101,
      0.20265151515151517,
      0.2702020202020202,
      0.3377525252525253,
      0.40530303030303033,
      0.47285353535353536,
      0.5404040404040404,
      0.6079545454545455,
      0.6755050505050506,
      0.7430555555555556,
      0.0,
      0.06755050505050506,
      0.1351010101010101,
      0.20265151515151517,
      0.2702020202020202,
      0.3377525252525253,
      0.40530303030303033,
      0.47285353535353536,
      0.5404040404040404,
      0.6079545454545455,
      0.6755050505050506,
      0.7430555555555556
    ],
    "TaskName": "faces",
    "TotalReadoutTime": 0.024699802401580786,
    "UsePhilipsFloatNotDisplayScaling": 1,
    "acq_id": "mb3",
    "dataset": "ds002785",
    "modality": "bold",
    "subject_id": "0198",
    "task_id": "faces"
  },
  "dummy_trs": 0,
  "dvars_nstd": 26.575068140364746,
  "dvars_std": 1.2514809819756827,
  "dvars_vstd": 1.0176916622188454,
  "efc": 0.4470109695173239,
  "fber": 161197.71875,
  "fd_mean": 0.11185714426590326,
  "fd_num": 15,
  "fd_perc": 4.545454545454546,
  "fwhm_avg": 2.1259870268112073,
  "fwhm_x": 2.1390433333333334,
  "fwhm_y": 2.2625933333333332,
  "fwhm_z": 1.9763244137669547,
  "gcor": 0.0140972,
  "gsr_x": -0.024480734020471573,
  "gsr_y": 0.014413464814424515,
  "provenance": {
    "md5sum": "44ceaf077a642f17f2aed82933ad5261",
    "settings": {
      "fd_thres": 0.2,
      "testing": false
    },
    "software": "mriqc",
    "version": "22.0.0rc1",
    "webapi_port": null,
    "webapi_url": "https://mriqc.nimh.nih.gov/api/v1"
  },
  "size_t": 330,
  "size_x": 80,
  "size_y": 80,
  "size_z": 36,
  "snr": 6.406759720270838,
  "spacing_tr": 0.75,
  "spacing_x": 3.0,
  "spacing_y": 3.0,
  "spacing_z": 3.299999713897705,
  "summary_bg_k": 42.56154185809626,
  "summary_bg_mad": 48.349720038276686,
  "summary_bg_mean": 441.8406982421875,
  "summary_bg_median": 45.616004943847656,
  "summary_bg_n": 151522.0,
  "summary_bg_p05": 5.876023650169373,
  "summary_bg_p95": 2216.643786621092,
  "summary_bg_stdv": 1209.308837890625,
  "summary_fg_k": 1.0215221114434634,
  "summary_fg_mad": 2741.652925544698,
  "summary_fg_mean": 18816.01953125,
  "summary_fg_median": 18784.515625,
  "summary_fg_n": 37626.0,
  "summary_fg_p05": 14062.103515625,
  "summary_fg_p95": 23549.46435546875,
  "summary_fg_stdv": 2931.94482421875,
  "tsnr": 55.44596862792969
}