{
  "aor": 0.002412105263157895,
  "aqi": 0.004482813082706767,
  "bids_meta": {
    "AcquisitionNumber": 5,
    "BidsifyVersion": "0.3.5",
    "ConversionSoftware": "dcm2niix",
    "ConversionSoftwareVersion": "v1.0.20181125  GCC6.3.0",
    "EchoTime": 0.02762,
    "ImageComments": "Piop",
    "ImageOrientationPatientDICOM": [
      0.99931,
      0.0289845,
      -0.0232091,
      -0.0282624,
      0.999124,
      0.0308581
    ],
    "Manufacturer": "Philips",
    "NumberOfVolumesDiscardedByScanner": 2,
    "ParallelAcquisitionTechnique": "SENSE",
    "ParallelReductionFactorInPlane": 2,
    "PatientPosition": "HFS",
    "PhaseEncodingDirection": "j",
    "PhilipsRescaleIntercept": 0,
    "PhilipsRescaleSlope": 0.75556,
    "PhilipsScaleSlope": 0.0524456,
    "ProtocolName": "WIPpiopharririSENSE",
    "PulseSequenceType": "gradient echo EPI",
    "ReconMatrixPE": 80,
    "RepetitionTime": 2,
    "SeriesDescription": "ImageMRSERIES",
    "SeriesNumber": 5,
    "SliceEncodingDirection": "k",
    "TaskName": "emomatching",
    "UsePhilipsFloatNotDisplayScaling": 1,
    "acq_id": "seq",
    "dataset": "ds002785",
    "modality": "bold",
    "subject_id": "0206",
    "task_id": "emomatching"
  },
  "dummy_trs": 2,
  "dvars_nstd": 19.735844185681803,
  "dvars_std": 1.22794136280303,
  "dvars_vstd": 1.0176393555303034,
  "efc": 0.43401309660271237,
  "fber": 94600.390625,
  "fd_mean": 0.10195949259676562,
  "fd_num": 7,
  "fd_perc": 5.2631578947368425,
  "fwhm_avg": 1.830735563806444,
  "fwhm_x": 1.8061966666666667,
  "fwhm_y": 1.9729766666666666,
  "fwhm_z": 1.7130333580859987,
  "gcor": 0.0116029,
  "gsr_x": -0.014828430488705635,
  "gsr_y": 0.02960919216275215,
  "provenance": {
    "md5sum": "8e15b691f3646e58360f590d90c9fb8b",
    "settings": {
      "fd_thres": 0.2,
      "testing": false
    },
    "software": "mriqc",
    "version": "23.0.1",
    "webapi_port": null,
    "webapi_url": "https://mriqc.nimh.nih.gov/api/v1"
  },
  "size_t": 133,
  "size_x": 80,
  "size_y": 80,
  "size_z": 37,
  "snr": 4.904333646436538,
  "spacing_tr": 2.0,
  "spacing_x": 3.0,
  "spacing_y": 3.0,
  "spacing_z": 3.299999952316284,
  "summary_bg_k": 116.00488795595577,
  "summary_bg_mad": 92.98857117422713,
  "summary_bg_mean": 751.3464965820312,
  "summary_bg_median": 78.85970306396484,
  "summary_bg_n": 160388.0,
  "summary_bg_p05": 6.77130663394928,
  "summary_bg_p95": 3445.5719482421873,
  "summary_bg_stdv": 2212.09228515625,
  "summary_fg_k": 2.9747484823092565,
  "summary_fg_mad": 4558.720938281298,
  "summary_fg_mean": 25355.6953125,
  "summary_fg_median": 24815.9609375,
  "summary_fg_n": 35575.0,
  "summary_fg_p05": 18597.1287109375,
  "summary_fg_p95": 33442.84140624999,
  "summary_fg_stdv": 5059.935546875,
  "tsnr": 77.84505462646484
}