{
  "aor": 0.00437275,
  "aqi": 0.005819003200000001,
  "bids_meta": {
    "AcquisitionNumber": 9,
    "BidsifyVersion": "0.3.5",
    "ConversionSoftware": "dcm2niix",
    "ConversionSoftwareVersion": "v1.0.20181125  GCC6.3.0",
    "EchoTime": 0.02762,
    "ImageComments": "Piop",
    "ImageOrientationPatientDICOM": [
      0.99931,
      0.0289845,
      -0.0232091,
      -0.0282624,
      0.999124,
      0.0308581
    ],
    "Manufacturer": "Philips",
    "NumberOfVolumesDiscardedByScanner": 2,
    "ParallelAcquisitionTechnique": "SENSE",
    "ParallelReductionFactorInPlane": 2,
    "PatientPosition": "HFS",
    "PhaseEncodingDirection": "j",
    "PhilipsRescaleIntercept": 0,
    "PhilipsRescaleSlope": 0.75165,
    "PhilipsScaleSlope": 0.0531151,
    "ProtocolName": "WIPpiopanticipatieSENSE",
    "PulseSequenceType": "gradient echo EPI",
    "ReconMatrixPE": 80,
    "RepetitionTime": 2,
    "SeriesDescription": "ImageMRSERIES",
    "SeriesNumber": 9,
    "SliceEncodingDirection": "k",
    "TaskName": "anticipation",
    "UsePhilipsFloatNotDisplayScaling": 1,
    "acq_id": "seq",
    "dataset": "ds002785",
    "modality": "bold",
    "subject_id": "0206",
    "task_id": "anticipation"
  },
  "dummy_trs": 0,
  "dvars_nstd": 22.00504602015076,
  "dvars_std": 1.243472388190955,
  "dvars_vstd": 1.0272772278894475,
  "efc": 0.4305816635490676,
  "fber": 101176.9453125,
  "fd_mean": 0.14854667633196175,
  "fd_num": 30,
  "fd_perc": 15.0,
  "fwhm_avg": 1.8159004121375866,
  "fwhm_x": 1.7957,
  "fwhm_y": 1.97088,
  "fwhm_z": 1.6811212364127597,
  "gcor": 0.0170133,
  "gsr_x": -0.01367279700934887,
  "gsr_y": 0.029118074104189873,
  "provenance": {
    "md5sum": "e71a4eeba8acff776272a349d7126953",
    "settings": {
      "fd_thres": 0.2,
      "testing": false
    },
    "software": "mriqc",
    "version": "23.0.1",
    "webapi_port": null,
    "webapi_url": "https://mriqc.nimh.nih.gov/api/v1"
  },
  "size_t": 200,
  "size_x": 80,
  "size_y": 80,
  "size_z": 37,
  "snr": 4.963887870283491,
  "spacing_tr": 2.0,
  "spacing_x": 3.0,
  "spacing_y": 3.0,
  "spacing_z": 3.299999952316284,
  "summary_bg_k": 123.43556188115423,
  "summary_bg_mad": 86.17345438971678,
  "summary_bg_mean": 712.5025024414062,
  "summary_bg_median": 75.3923110961914,
  "summary_bg_n": 160973.0,
  "summary_bg_p05": 7.769022846221925,
  "summary_bg_p95": 3274.7150390624997,
  "summary_bg_stdv": 2107.078125,
  "summary_fg_k": 3.1464642625570223,
  "summary_fg_mad": 4413.021969677356,
  "summary_fg_mean": 25001.333984375,
  "summary_fg_median": 24460.603515625,
  "summary_fg_n": 35146.0,
  "summary_fg_p05": 18529.64453125,
  "summary_fg_p95": 32905.9453125,
  "summary_fg_stdv": 4927.640625,
  "tsnr": 70.66481018066406
}