{
  "aor": 0.0007231515151515152,
  "aqi": 0.007345842606060606,
  "bids_meta": {
    "AcquisitionNumber": 2,
    "BidsifyVersion": "0.3.5",
    "ConversionSoftware": "dcm2niix",
    "ConversionSoftwareVersion": "v1.0.20181125  GCC6.3.0",
    "EchoTime": 0.02762,
    "ImageComments": "Piop",
    "ImageOrientationPatientDICOM": [
      0.99931,
      0.0289845,
      -0.0232091,
      -0.0282624,
      0.999124,
      0.0308581
    ],
    "Manufacturer": "Philips",
    "NumberOfVolumesDiscardedByScanner": 2,
    "ParallelAcquisitionTechnique": "SENSE",
    "ParallelReductionFactorInPlane": 2,
    "PatientPosition": "HFS",
    "PhaseEncodingDirection": "j",
    "PhilipsRescaleIntercept": 0,
    "PhilipsRescaleSlope": 0.74725,
    "PhilipsScaleSlope": 0.0867975,
    "ProtocolName": "WIPpiopfacesSENSE",
    "PulseSequenceType": "gradient echo EPI",
    "ReconMatrixPE": 80,
    "RepetitionTime": 0.75,
    "SeriesDescription": "ImageMRSERIES",
    "SeriesNumber": 2,
    "SliceEncodingDirection": "k",
    "TaskName": "faces",
    "UsePhilipsFloatNotDisplayScaling": 1,
    "acq_id": "mb3",
    "dataset": "ds002785",
    "modality": "bold",
    "subject_id": "0206",
    "task_id": "faces"
  },
  "dummy_trs": 0,
  "dvars_nstd": 25.10883526088147,
  "dvars_std": 1.1671032878723406,
  "dvars_vstd": 1.0088638811246204,
  "efc": 0.4435458636802259,
  "fber": 121845.203125,
  "fd_mean": 0.14508813449644667,
  "fd_num": 57,
  "fd_perc": 17.272727272727273,
  "fwhm_avg": 1.9984142937388434,
  "fwhm_x": 2.0210333333333335,
  "fwhm_y": 2.19857,
  "fwhm_z": 1.7756395478831968,
  "gcor": 0.070446,
  "gsr_x": -0.01656028814613819,
  "gsr_y": 0.026160137727856636,
  "provenance": {
    "md5sum": "78e7c00a058bc9880cb84e0919a2d102",
    "settings": {
      "fd_thres": 0.2,
      "testing": false
    },
    "software": "mriqc",
    "version": "23.0.1",
    "webapi_port": null,
    "webapi_url": "https://mriqc.nimh.nih.gov/api/v1"
  },
  "size_t": 330,
  "size_x": 80,
  "size_y": 80,
  "size_z": 36,
  "snr": 6.870948569296605,
  "spacing_tr": 0.75,
  "spacing_x": 3.0,
  "spacing_y": 3.0,
  "spacing_z": 3.299999713897705,
  "summary_bg_k": 80.38041452489739,
  "summary_bg_mad": 64.67877770176484,
  "summary_bg_mean": 564.7523803710938,
  "summary_bg_median": 53.467872619628906,
  "summary_bg_n": 155392.0,
  "summary_bg_p05": 5.669160795211792,
  "summary_bg_p95": 2545.0044799804677,
  "summary_bg_stdv": 1469.7283935546875,
  "summary_fg_k": 1.3639865502069144,
  "summary_fg_mad": 2542.8394428920465,
  "summary_fg_mean": 18909.62890625,
  "summary_fg_median": 18791.0390625,
  "summary_fg_n": 34849.0,
  "summary_fg_p05": 14767.434375,
  "summary_fg_p95": 23398.9046875,
  "summary_fg_stdv": 2734.814453125,
  "tsnr": 62.02957534790039
}