{
  "bids_meta": {
    "AcquisitionNumber": 4,
    "BidsifyVersion": "0.3.5",
    "ConversionSoftware": "dcm2niix",
    "ConversionSoftwareVersion": "v1.0.20181125  GCC6.3.0",
    "EchoTime": 0.00374,
    "ImageComments": "piop",
    "ImageOrientationPatientDICOM": [
      0.999249,
      0.03612,
      -0.0139928,
      -0.0366408,
      0.998569,
      -0.0389476
    ],
    "Manufacturer": "Philips",
    "PatientPosition": "HFS",
    "PhilipsRescaleIntercept": 0,
    "PhilipsRescaleSlope": 8.89157,
    "PhilipsScaleSlope": 0.00735705,
    "ProtocolName": "WIPt13dSENSE",
    "ReconMatrixPE": 240,
    "RepetitionTime": 0.008146,
    "SeriesDescription": "ImageMRSERIES",
    "SeriesNumber": 4,
    "UsePhilipsFloatNotDisplayScaling": 1,
    "dataset": "ds002785",
    "modality": "T1w",
    "subject_id": "0131"
  },
  "cjv": 0.3279255642076966,
  "cnr": 3.7761224583883517,
  "efc": 0.7713152739527698,
  "fber": 1519.2764892578125,
  "fwhm_avg": 3.493383062907489,
  "fwhm_x": 3.4996895828044914,
  "fwhm_y": 3.67466,
  "fwhm_z": 3.3057996059179775,
  "icvs_csf": 0.176454900498217,
  "icvs_gm": 0.4499993694502578,
  "icvs_wm": 0.3735457300515252,
  "inu_med": 1.775716781616211,
  "inu_range": 0.5195729255676271,
  "provenance": {
    "md5sum": "cb8ff1b416b3a3d6c1001f068638efef",
    "settings": {
      "testing": false
    },
    "software": "mriqc",
    "version": "22.0.0rc1",
    "warnings": {
      "large_rot_frame": true,
      "small_air_mask": true
    },
    "webapi_port": null,
    "webapi_url": "https://mriqc.nimh.nih.gov/api/v1"
  },
  "qi_1": 0.0,
  "qi_2": 4.034861594092591e-05,
  "rpve_csf": 28.23501122010499,
  "rpve_gm": 12.72114866386218,
  "rpve_wm": 18.39590917527325,
  "size_x": 240,
  "size_y": 240,
  "size_z": 220,
  "snr_csf": 1.0498351886731672,
  "snr_gm": 7.17421519986317,
  "snr_total": 8.978612279982636,
  "snr_wm": 18.711786451411573,
  "snrd_csf": 11.135548165004469,
  "snrd_gm": 41.979268955287935,
  "snrd_total": 40.4377110374385,
  "snrd_wm": 68.19831599202308,
  "spacing_x": 1.0000001192092896,
  "spacing_y": 1.0,
  "spacing_z": 1.0000001192092896,
  "summary_bg_k": 14.359645416471945,
  "summary_bg_mad": 9.606324268502117,
  "summary_bg_mean": 14.370381355285645,
  "summary_bg_median": 12.892959594726562,
  "summary_bg_n": 207682.0,
  "summary_bg_p05": 0.0,
  "summary_bg_p95": 38.42030448913574,
  "summary_bg_stdv": 12.174299240112305,
  "summary_csf_k": 19.704841768916122,
  "summary_csf_mad": 93.98677441560137,
  "summary_csf_mean": 212.1193389892578,
  "summary_csf_median": 163.28155517578125,
  "summary_csf_n": 5056.0,
  "summary_csf_p05": 59.396039962768555,
  "summary_csf_p95": 466.6827850341797,
  "summary_csf_stdv": 155.51527404785156,
  "summary_gm_k": 0.5102733110687754,
  "summary_gm_mad": 78.81369151148027,
  "summary_gm_mean": 621.33984375,
  "summary_gm_median": 615.5458374023438,
  "summary_gm_n": 24424.0,
  "summary_gm_p05": 490.21228942871096,
  "summary_gm_p95": 775.4515502929687,
  "summary_gm_stdv": 85.79798889160156,
  "summary_wm_k": 1.0634482554018607,
  "summary_wm_mad": 47.258036205724125,
  "summary_wm_mean": 995.9697875976562,
  "summary_wm_median": 999.9981079101562,
  "summary_wm_n": 218189.0,
  "summary_wm_p05": 899.5686157226562,
  "summary_wm_p95": 1075.562548828125,
  "summary_wm_stdv": 53.4420280456543,
  "tpm_overlap_csf": 0.1632942110300064,
  "tpm_overlap_gm": 0.44768908619880676,
  "tpm_overlap_wm": 0.5003461241722107,
  "wm2max": 0.6558728054795695
}