{
  "bids_meta": {
    "AcquisitionNumber": 4,
    "BidsifyVersion": "0.3.5",
    "ConversionSoftware": "dcm2niix",
    "ConversionSoftwareVersion": "v1.0.20181125  GCC6.3.0",
    "EchoTime": 0.00374,
    "ImageComments": "Piop",
    "ImageOrientationPatientDICOM": [
      0.999755,
      -0.0155518,
      0.0157254,
      0.0164036,
      0.99832,
      -0.055571
    ],
    "Manufacturer": "Philips",
    "PatientPosition": "HFS",
    "PhilipsRescaleIntercept": 0,
    "PhilipsRescaleSlope": 9.77998,
    "PhilipsScaleSlope": 0.00732118,
    "ProtocolName": "WIPt13dSENSE",
    "ReconMatrixPE": 240,
    "RepetitionTime": 0.008153,
    "SeriesDescription": "ImageMRSERIES",
    "SeriesNumber": 4,
    "UsePhilipsFloatNotDisplayScaling": 1,
    "dataset": "ds002785",
    "modality": "T1w",
    "subject_id": "0109"
  },
  "cjv": 0.3203960815573123,
  "cnr": 3.9048468036940864,
  "efc": 0.7850968417751056,
  "fber": 583.617919921875,
  "fwhm_avg": 3.400346666666667,
  "fwhm_x": 3.37378,
  "fwhm_y": 3.63151,
  "fwhm_z": 3.19575,
  "icvs_csf": 0.1951129785245587,
  "icvs_gm": 0.4356594450050484,
  "icvs_wm": 0.3692275764703929,
  "inu_med": 1.7635802030563354,
  "inu_range": 0.5601638555526733,
  "provenance": {
    "md5sum": "6fd0f477db699d604a1e79e1002e5006",
    "settings": {
      "testing": false
    },
    "software": "mriqc",
    "version": "22.0.0rc1",
    "warnings": {
      "large_rot_frame": true,
      "small_air_mask": true
    },
    "webapi_port": null,
    "webapi_url": "https://mriqc.nimh.nih.gov/api/v1"
  },
  "qi_1": 0.0,
  "qi_2": 0.0001054403948830137,
  "rpve_csf": 24.874829155821775,
  "rpve_gm": 12.293234734798846,
  "rpve_wm": 18.031001301805485,
  "size_x": 240,
  "size_y": 240,
  "size_z": 220,
  "snr_csf": 1.804721419594732,
  "snr_gm": 7.229957320374364,
  "snr_total": 9.091008166199517,
  "snr_wm": 18.238345758629453,
  "snrd_csf": 20.34262844827049,
  "snrd_gm": 37.13999394391826,
  "snrd_total": 39.59307021608916,
  "snrd_wm": 61.29658825607873,
  "spacing_x": 1.0,
  "spacing_y": 1.0,
  "spacing_z": 1.0,
  "summary_bg_k": 1.8764664779394673,
  "summary_bg_mad": 10.687936751336183,
  "summary_bg_mean": 15.597394943237305,
  "summary_bg_median": 14.332075119018555,
  "summary_bg_n": 152757.0,
  "summary_bg_p05": 0.0,
  "summary_bg_p95": 36.87317886352538,
  "summary_bg_stdv": 12.511659622192383,
  "summary_csf_k": 19.514394258423515,
  "summary_csf_mad": 102.89030002103688,
  "summary_csf_mean": 338.6845397949219,
  "summary_csf_median": 331.8709411621094,
  "summary_csf_n": 2584.0,
  "summary_csf_p05": 100.58697814941407,
  "summary_csf_p95": 529.8887969970702,
  "summary_csf_stdv": 183.8548126220703,
  "summary_gm_k": 0.5257271387135449,
  "summary_gm_mad": 76.80990719596032,
  "summary_gm_mean": 609.6154174804688,
  "summary_gm_median": 605.9042358398438,
  "summary_gm_n": 18333.0,
  "summary_gm_p05": 476.9401123046875,
  "summary_gm_p95": 755.9195312499999,
  "summary_gm_stdv": 83.8023910522461,
  "summary_wm_k": 0.9934460212284644,
  "summary_wm_mad": 49.45569718464423,
  "summary_wm_mean": 997.1550903320312,
  "summary_wm_median": 999.9964599609375,
  "summary_wm_n": 235663.0,
  "summary_wm_p05": 902.1487854003906,
  "summary_wm_p95": 1081.2219970703125,
  "summary_wm_stdv": 54.8292236328125,
  "tpm_overlap_csf": 0.15416881442070007,
  "tpm_overlap_gm": 0.4436699151992798,
  "tpm_overlap_wm": 0.5072238445281982,
  "wm2max": 0.6201156137991628
}