{
  "aor": 0.0041936296296296305,
  "aqi": 0.004957968962962963,
  "bids_meta": {
    "AcquisitionNumber": 5,
    "BidsifyVersion": "0.3.5",
    "ConversionSoftware": "dcm2niix",
    "ConversionSoftwareVersion": "v1.0.20181125  GCC6.3.0",
    "EchoTime": 0.02762,
    "EffectiveEchoSpacing": 0.0006621159151938905,
    "ImageComments": "piop",
    "ImageOrientationPatientDICOM": [
      0.99835,
      0.0522364,
      0.0238441,
      -0.0476049,
      0.985145,
      -0.164993
    ],
    "Manufacturer": "Philips",
    "NumberOfVolumesDiscardedByScanner": 2,
    "ParallelAcquisitionTechnique": "SENSE",
    "ParallelReductionFactorInPlane": 2,
    "PatientPosition": "HFS",
    "PhaseEncodingDirection": "j",
    "PhilipsRescaleIntercept": 0,
    "PhilipsRescaleSlope": 0.85739,
    "PhilipsScaleSlope": 0.0598178,
    "ProtocolName": "WIPpiopharririSENSE",
    "PulseSequenceType": "gradient echo EPI",
    "ReconMatrixPE": 80,
    "RepetitionTime": 2,
    "SeriesDescription": "ImageMRSERIES",
    "SeriesNumber": 5,
    "SliceEncodingDirection": "k",
    "SliceTiming": [
      0.0,
      0.0541,
      0.1081,
      0.1622,
      0.2162,
      0.2703,
      0.3243,
      0.3784,
      0.4324,
      0.4865,
      0.5405,
      0.5946,
      0.6486,
      0.7027,
      0.7568,
      0.8108,
      0.8649,
      0.9189,
      0.973,
      1.027,
      1.0811,
      1.1351,
      1.1892,
      1.2432,
      1.2973,
      1.3514,
      1.4054,
      1.4595,
      1.5135,
      1.5676,
      1.6216,
      1.6757,
      1.7297,
      1.7838,
      1.8378,
      1.8919,
      1.9459
    ],
    "TaskName": "emomatching",
    "TotalReadoutTime": 0.025822520692561732,
    "UsePhilipsFloatNotDisplayScaling": 1,
    "acq_id": "seq",
    "dataset": "ds002785",
    "modality": "bold",
    "subject_id": "0050",
    "task_id": "emomatching"
  },
  "dummy_trs": 0,
  "dvars_nstd": 19.74231749888059,
  "dvars_std": 1.2020618599253727,
  "dvars_vstd": 1.0082522456716423,
  "efc": 0.39806005903961833,
  "fber": 175861.625,
  "fd_mean": 0.08967475353116473,
  "fd_num": 5,
  "fd_perc": 3.7037037037037037,
  "fwhm_avg": 1.8189264729487586,
  "fwhm_x": 1.7982500000000001,
  "fwhm_y": 1.9348233333333333,
  "fwhm_z": 1.7237060855129427,
  "gcor": 0.0200174,
  "gsr_x": -0.022862231358885765,
  "gsr_y": 0.012782499194145203,
  "provenance": {
    "md5sum": "edde6b8d34b98e4605801bdf6847a566",
    "settings": {
      "fd_thres": 0.2,
      "testing": false
    },
    "software": "mriqc",
    "version": "22.0.0rc1",
    "webapi_port": null,
    "webapi_url": "https://mriqc.nimh.nih.gov/api/v1"
  },
  "size_t": 135,
  "size_x": 80,
  "size_y": 80,
  "size_z": 37,
  "snr": 5.435983072388902,
  "spacing_tr": 2.0,
  "spacing_x": 3.0,
  "spacing_y": 3.0,
  "spacing_z": 3.299999952316284,
  "summary_bg_k": 47.44375474756265,
  "summary_bg_mad": 55.923174249989856,
  "summary_bg_mean": 481.9739074707031,
  "summary_bg_median": 52.501129150390625,
  "summary_bg_n": 165994.0,
  "summary_bg_p05": 3.4627687573432917,
  "summary_bg_p95": 2539.2050781250027,
  "summary_bg_stdv": 1415.86865234375,
  "summary_fg_k": 2.149723646771358,
  "summary_fg_mad": 3716.4899455792533,
  "summary_fg_mean": 23008.09765625,
  "summary_fg_median": 22458.78125,
  "summary_fg_n": 30333.0,
  "summary_fg_p05": 17275.19609375,
  "summary_fg_p95": 29976.975,
  "summary_fg_stdv": 4131.43505859375,
  "tsnr": 77.69001770019531
}