{
  "aor": 0.012126750000000002,
  "aqi": 0.00916547035,
  "bids_meta": {
    "AcquisitionNumber": 9,
    "BidsifyVersion": "0.3.5",
    "ConversionSoftware": "dcm2niix",
    "ConversionSoftwareVersion": "v1.0.20181125  GCC6.3.0",
    "EchoTime": 0.02762,
    "EffectiveEchoSpacing": 0.0006621159151938905,
    "ImageComments": "piop",
    "ImageOrientationPatientDICOM": [
      0.99835,
      0.0522364,
      0.0238441,
      -0.0476049,
      0.985145,
      -0.164993
    ],
    "Manufacturer": "Philips",
    "NumberOfVolumesDiscardedByScanner": 2,
    "ParallelAcquisitionTechnique": "SENSE",
    "ParallelReductionFactorInPlane": 2,
    "PatientPosition": "HFS",
    "PhaseEncodingDirection": "j",
    "PhilipsRescaleIntercept": 0,
    "PhilipsRescaleSlope": 0.80049,
    "PhilipsScaleSlope": 0.0602867,
    "ProtocolName": "WIPpiopanticipatieSENSE",
    "PulseSequenceType": "gradient echo EPI",
    "ReconMatrixPE": 80,
    "RepetitionTime": 2,
    "SeriesDescription": "ImageMRSERIES",
    "SeriesNumber": 9,
    "SliceEncodingDirection": "k",
    "SliceTiming": [
      0.0,
      0.0541,
      0.1081,
      0.1622,
      0.2162,
      0.2703,
      0.3243,
      0.3784,
      0.4324,
      0.4865,
      0.5405,
      0.5946,
      0.6486,
      0.7027,
      0.7568,
      0.8108,
      0.8649,
      0.9189,
      0.973,
      1.027,
      1.0811,
      1.1351,
      1.1892,
      1.2432,
      1.2973,
      1.3514,
      1.4054,
      1.4595,
      1.5135,
      1.5676,
      1.6216,
      1.6757,
      1.7297,
      1.7838,
      1.8378,
      1.8919,
      1.9459
    ],
    "TaskName": "anticipation",
    "TotalReadoutTime": 0.025822520692561732,
    "UsePhilipsFloatNotDisplayScaling": 1,
    "acq_id": "seq",
    "dataset": "ds002785",
    "modality": "bold",
    "subject_id": "0050",
    "task_id": "anticipation"
  },
  "dummy_trs": 0,
  "dvars_nstd": 24.287415624723625,
  "dvars_std": 1.2235685276381913,
  "dvars_vstd": 1.0786473862311556,
  "efc": 0.39659179051717836,
  "fber": 175106.0625,
  "fd_mean": 0.21453037782559425,
  "fd_num": 61,
  "fd_perc": 30.5,
  "fwhm_avg": 1.8528984932800519,
  "fwhm_x": 1.83267,
  "fwhm_y": 1.9754800000000001,
  "fwhm_z": 1.7505454798401554,
  "gcor": 0.0333036,
  "gsr_x": -0.02193758636713028,
  "gsr_y": 0.012464674189686775,
  "provenance": {
    "md5sum": "6b18910cb4eadb2d5a659fb3545e023f",
    "settings": {
      "fd_thres": 0.2,
      "testing": false
    },
    "software": "mriqc",
    "version": "22.0.0rc1",
    "webapi_port": null,
    "webapi_url": "https://mriqc.nimh.nih.gov/api/v1"
  },
  "size_t": 200,
  "size_x": 80,
  "size_y": 80,
  "size_z": 37,
  "snr": 5.380695059681888,
  "spacing_tr": 2.0,
  "spacing_x": 3.0,
  "spacing_y": 3.0,
  "spacing_z": 3.299999952316284,
  "summary_bg_k": 45.42935972571815,
  "summary_bg_mad": 55.84124679633082,
  "summary_bg_mean": 479.4525146484375,
  "summary_bg_median": 53.08432388305664,
  "summary_bg_n": 166269.0,
  "summary_bg_p05": 3.5464951992034908,
  "summary_bg_p95": 2509.2908203125003,
  "summary_bg_stdv": 1406.2154541015625,
  "summary_fg_k": 2.0827525441247854,
  "summary_fg_mad": 3798.5282335723828,
  "summary_fg_mean": 23168.3125,
  "summary_fg_median": 22610.69140625,
  "summary_fg_n": 30151.0,
  "summary_fg_p05": 17365.8359375,
  "summary_fg_p95": 30295.115234375,
  "summary_fg_stdv": 4202.1181640625,
  "tsnr": 54.2247200012207
}