{
  "aor": 0.02473248979591837,
  "aqi": 0.009862479102040817,
  "bids_meta": {
    "AcquisitionNumber": 3,
    "BidsifyVersion": "0.3.5",
    "ConversionSoftware": "dcm2niix",
    "ConversionSoftwareVersion": "v1.0.20181125  GCC6.3.0",
    "EchoTime": 0.02762,
    "EffectiveEchoSpacing": 0.0006621159151938905,
    "ImageComments": "Piop",
    "ImageOrientationPatientDICOM": [
      0.994337,
      -0.0604457,
      0.0874133,
      0.0988974,
      0.82741,
      -0.552821
    ],
    "Manufacturer": "Philips",
    "NumberOfVolumesDiscardedByScanner": 2,
    "ParallelAcquisitionTechnique": "SENSE",
    "ParallelReductionFactorInPlane": 2,
    "PatientPosition": "HFS",
    "PhaseEncodingDirection": "j",
    "PhilipsRescaleIntercept": 0,
    "PhilipsRescaleSlope": 0.74188,
    "PhilipsScaleSlope": 0.0689241,
    "ProtocolName": "WIPpiopgstroopSENSE",
    "PulseSequenceType": "gradient echo EPI",
    "ReconMatrixPE": 80,
    "RepetitionTime": 2,
    "SeriesDescription": "ImageMRSERIES",
    "SeriesNumber": 3,
    "SliceEncodingDirection": "k",
    "SliceTiming": [
      0.0,
      0.0541,
      0.1081,
      0.1622,
      0.2162,
      0.2703,
      0.3243,
      0.3784,
      0.4324,
      0.4865,
      0.5405,
      0.5946,
      0.6486,
      0.7027,
      0.7568,
      0.8108,
      0.8649,
      0.9189,
      0.973,
      1.027,
      1.0811,
      1.1351,
      1.1892,
      1.2432,
      1.2973,
      1.3514,
      1.4054,
      1.4595,
      1.5135,
      1.5676,
      1.6216,
      1.6757,
      1.7297,
      1.7838,
      1.8378,
      1.8919,
      1.9459
    ],
    "TaskName": "gstroop",
    "TotalReadoutTime": 0.025822520692561732,
    "UsePhilipsFloatNotDisplayScaling": 1,
    "acq_id": "seq",
    "dataset": "ds002785",
    "modality": "bold",
    "subject_id": "0120",
    "task_id": "gstroop"
  },
  "dummy_trs": 0,
  "dvars_nstd": 24.888170680122965,
  "dvars_std": 1.3709298471311466,
  "dvars_vstd": 1.2372551986475413,
  "efc": 0.4343947993898444,
  "fber": 139189.359375,
  "fd_mean": 0.1890376861894499,
  "fd_num": 49,
  "fd_perc": 20.0,
  "fwhm_avg": 1.824113140135772,
  "fwhm_x": 1.7957599999999998,
  "fwhm_y": 1.8448399999999998,
  "fwhm_z": 1.8317394204073159,
  "gcor": 0.0175101,
  "gsr_x": -0.016188306733965874,
  "gsr_y": 0.012777997180819511,
  "provenance": {
    "md5sum": "b150a67602c774821e7dd6936c383b51",
    "settings": {
      "fd_thres": 0.2,
      "testing": false
    },
    "software": "mriqc",
    "version": "22.0.0rc1",
    "webapi_port": null,
    "webapi_url": "https://mriqc.nimh.nih.gov/api/v1"
  },
  "size_t": 245,
  "size_x": 80,
  "size_y": 80,
  "size_z": 37,
  "snr": 4.687163525527841,
  "spacing_tr": 2.0,
  "spacing_x": 3.0,
  "spacing_y": 3.0,
  "spacing_z": 3.299999952316284,
  "summary_bg_k": 32.70196145494497,
  "summary_bg_mad": 45.566699856060126,
  "summary_bg_mean": 454.39794921875,
  "summary_bg_median": 53.32677459716797,
  "summary_bg_n": 157123.0,
  "summary_bg_p05": 10.331104946136474,
  "summary_bg_p95": 2468.881762695311,
  "summary_bg_stdv": 1310.9024658203125,
  "summary_fg_k": 2.0788272171396134,
  "summary_fg_mad": 3682.757849400793,
  "summary_fg_mean": 21226.421875,
  "summary_fg_median": 20454.013671875,
  "summary_fg_n": 37725.0,
  "summary_fg_p05": 15746.6802734375,
  "summary_fg_p95": 29467.43124999999,
  "summary_fg_stdv": 4363.7783203125,
  "tsnr": 54.57628631591797
}