{
  "aor": 0.0008456231003039514,
  "aqi": 0.009004507294832825,
  "bids_meta": {
    "AcquisitionNumber": 2,
    "BidsifyVersion": "0.3.5",
    "ConversionSoftware": "dcm2niix",
    "ConversionSoftwareVersion": "v1.0.20181125  GCC6.3.0",
    "EchoTime": 0.02762,
    "EffectiveEchoSpacing": 0.0006333282667071997,
    "ImageComments": "Piop",
    "ImageOrientationPatientDICOM": [
      0.999537,
      -0.0290437,
      0.00906159,
      0.0298402,
      0.877758,
      -0.478175
    ],
    "Manufacturer": "Philips",
    "NumberOfVolumesDiscardedByScanner": 2,
    "ParallelAcquisitionTechnique": "SENSE",
    "ParallelReductionFactorInPlane": 2,
    "PatientPosition": "HFS",
    "PhaseEncodingDirection": "j",
    "PhilipsRescaleIntercept": 0,
    "PhilipsRescaleSlope": 0.77094,
    "PhilipsScaleSlope": 0.10753,
    "ProtocolName": "WIPpiopfacesSENSE",
    "PulseSequenceType": "gradient echo EPI",
    "ReconMatrixPE": 80,
    "RepetitionTime": 0.75,
    "SeriesDescription": "ImageMRSERIES",
    "SeriesNumber": 2,
    "SliceEncodingDirection": "k",
    "SliceTiming": [
      0.0,
      0.06755050505050506,
      0.1351010101010101,
      0.20265151515151517,
      0.2702020202020202,
      0.3377525252525253,
      0.40530303030303033,
      0.47285353535353536,
      0.5404040404040404,
      0.6079545454545455,
      0.6755050505050506,
      0.7430555555555556,
      0.0,
      0.06755050505050506,
      0.1351010101010101,
      0.20265151515151517,
      0.2702020202020202,
      0.3377525252525253,
      0.40530303030303033,
      0.47285353535353536,
      0.5404040404040404,
      0.6079545454545455,
      0.6755050505050506,
      0.7430555555555556,
      0.0,
      0.06755050505050506,
      0.1351010101010101,
      0.20265151515151517,
      0.2702020202020202,
      0.3377525252525253,
      0.40530303030303033,
      0.47285353535353536,
      0.5404040404040404,
      0.6079545454545455,
      0.6755050505050506,
      0.7430555555555556
    ],
    "TaskName": "faces",
    "TotalReadoutTime": 0.024699802401580786,
    "UsePhilipsFloatNotDisplayScaling": 1,
    "acq_id": "mb3",
    "dataset": "ds002785",
    "modality": "bold",
    "subject_id": "0155",
    "task_id": "faces"
  },
  "dummy_trs": 1,
  "dvars_nstd": 23.3915462667378,
  "dvars_std": 1.0916755359756105,
  "dvars_vstd": 1.0092502286585372,
  "efc": 0.3963367213111358,
  "fber": 184087.296875,
  "fd_mean": 0.11223336405954318,
  "fd_num": 16,
  "fd_perc": 4.86322188449848,
  "fwhm_avg": 1.6698011189191995,
  "fwhm_x": 1.6439433333333333,
  "fwhm_y": 1.7443600000000001,
  "fwhm_z": 1.6211000234242645,
  "gcor": 0.0104876,
  "gsr_x": -0.013887799344956875,
  "gsr_y": 0.004445905797183514,
  "provenance": {
    "md5sum": "30cc545aa772695fc1a05a53f84a28df",
    "settings": {
      "fd_thres": 0.2,
      "testing": false
    },
    "software": "mriqc",
    "version": "22.0.0rc1",
    "webapi_port": null,
    "webapi_url": "https://mriqc.nimh.nih.gov/api/v1"
  },
  "size_t": 329,
  "size_x": 80,
  "size_y": 80,
  "size_z": 36,
  "snr": 7.422124452323716,
  "spacing_tr": 0.75,
  "spacing_x": 3.0,
  "spacing_y": 3.0,
  "spacing_z": 3.299999952316284,
  "summary_bg_k": 62.69481201428401,
  "summary_bg_mad": 38.962148228664304,
  "summary_bg_mean": 299.98150634765625,
  "summary_bg_median": 37.679508209228516,
  "summary_bg_n": 161255.0,
  "summary_bg_p05": 2.532691407203674,
  "summary_bg_p95": 1370.159680175781,
  "summary_bg_stdv": 967.8628540039062,
  "summary_fg_k": 1.2784337571407027,
  "summary_fg_mad": 2211.7406325078596,
  "summary_fg_mean": 16602.064453125,
  "summary_fg_median": 16543.6875,
  "summary_fg_n": 29792.0,
  "summary_fg_p05": 13266.796337890624,
  "summary_fg_p95": 20186.132910156248,
  "summary_fg_stdv": 2228.931884765625,
  "tsnr": 57.595069885253906
}