{
  "aor": 0.0008508158995815899,
  "aqi": 0.008931641945606696,
  "bids_meta": {
    "AcquisitionNumber": 6,
    "BidsifyVersion": "0.3.5",
    "ConversionSoftware": "dcm2niix",
    "ConversionSoftwareVersion": "v1.0.20181125  GCC6.3.0",
    "EchoTime": 0.02762,
    "EffectiveEchoSpacing": 0.0006333282667071997,
    "ImageComments": "Piop",
    "ImageOrientationPatientDICOM": [
      0.999537,
      -0.0290437,
      0.00906159,
      0.0298402,
      0.877758,
      -0.478175
    ],
    "Manufacturer": "Philips",
    "NumberOfVolumesDiscardedByScanner": 2,
    "ParallelAcquisitionTechnique": "SENSE",
    "ParallelReductionFactorInPlane": 2,
    "PatientPosition": "HFS",
    "PhaseEncodingDirection": "j",
    "PhilipsRescaleIntercept": 0,
    "PhilipsRescaleSlope": 0.80659,
    "PhilipsScaleSlope": 0.100369,
    "ProtocolName": "WIPpioprsSENSE",
    "PulseSequenceType": "gradient echo EPI",
    "ReconMatrixPE": 80,
    "RepetitionTime": 0.75,
    "SeriesDescription": "ImageMRSERIES",
    "SeriesNumber": 6,
    "SliceEncodingDirection": "k",
    "SliceTiming": [
      0.0,
      0.06755050505050506,
      0.1351010101010101,
      0.20265151515151517,
      0.2702020202020202,
      0.3377525252525253,
      0.40530303030303033,
      0.47285353535353536,
      0.5404040404040404,
      0.6079545454545455,
      0.6755050505050506,
      0.7430555555555556,
      0.0,
      0.06755050505050506,
      0.1351010101010101,
      0.20265151515151517,
      0.2702020202020202,
      0.3377525252525253,
      0.40530303030303033,
      0.47285353535353536,
      0.5404040404040404,
      0.6079545454545455,
      0.6755050505050506,
      0.7430555555555556,
      0.0,
      0.06755050505050506,
      0.1351010101010101,
      0.20265151515151517,
      0.2702020202020202,
      0.3377525252525253,
      0.40530303030303033,
      0.47285353535353536,
      0.5404040404040404,
      0.6079545454545455,
      0.6755050505050506,
      0.7430555555555556
    ],
    "TaskName": "restingstate",
    "TotalReadoutTime": 0.024699802401580786,
    "UsePhilipsFloatNotDisplayScaling": 1,
    "acq_id": "mb3",
    "dataset": "ds002785",
    "modality": "bold",
    "subject_id": "0155",
    "task_id": "restingstate"
  },
  "dummy_trs": 2,
  "dvars_nstd": 23.392637400754715,
  "dvars_std": 1.0922419533542982,
  "dvars_vstd": 1.0049750854088044,
  "efc": 0.3986180395644663,
  "fber": 190289.25,
  "fd_mean": 0.12009628679744837,
  "fd_num": 32,
  "fd_perc": 6.694560669456067,
  "fwhm_avg": 1.6568365733962735,
  "fwhm_x": 1.6467033333333332,
  "fwhm_y": 1.7169033333333334,
  "fwhm_z": 1.6069030535221542,
  "gcor": 0.0146207,
  "gsr_x": -0.01428584847599268,
  "gsr_y": 0.003990854136645794,
  "provenance": {
    "md5sum": "754a4c2374ceaad82c2c85a5f2fcd6ca",
    "settings": {
      "fd_thres": 0.2,
      "testing": false
    },
    "software": "mriqc",
    "version": "22.0.0rc1",
    "webapi_port": null,
    "webapi_url": "https://mriqc.nimh.nih.gov/api/v1"
  },
  "size_t": 478,
  "size_x": 80,
  "size_y": 80,
  "size_z": 36,
  "snr": 7.4818146351339765,
  "spacing_tr": 0.75,
  "spacing_x": 3.0,
  "spacing_y": 3.0,
  "spacing_z": 3.299999952316284,
  "summary_bg_k": 59.5721282666664,
  "summary_bg_mad": 36.76686334172818,
  "summary_bg_mean": 307.8817443847656,
  "summary_bg_median": 36.28660583496094,
  "summary_bg_n": 160970.0,
  "summary_bg_p05": 2.4634443879127508,
  "summary_bg_p95": 1434.4661987304685,
  "summary_bg_stdv": 986.0513305664062,
  "summary_fg_k": 1.288331217736796,
  "summary_fg_mad": 2115.1144942680967,
  "summary_fg_mean": 16281.62890625,
  "summary_fg_median": 16213.38671875,
  "summary_fg_n": 29952.0,
  "summary_fg_p05": 13015.801318359376,
  "summary_fg_p95": 19774.03916015625,
  "summary_fg_stdv": 2167.003173828125,
  "tsnr": 58.01327896118164
}