{
  "aor": 0.003788271604938272,
  "aqi": 0.005307721790123456,
  "bids_meta": {
    "AcquisitionNumber": 8,
    "BidsifyVersion": "0.3.5",
    "ConversionSoftware": "dcm2niix",
    "ConversionSoftwareVersion": "v1.0.20181125  GCC6.3.0",
    "EchoTime": 0.02762,
    "EffectiveEchoSpacing": 0.0006621159151938905,
    "ImageComments": "Piop",
    "ImageOrientationPatientDICOM": [
      0.999537,
      -0.0290437,
      0.00906159,
      0.0298402,
      0.877758,
      -0.478175
    ],
    "Manufacturer": "Philips",
    "NumberOfVolumesDiscardedByScanner": 2,
    "ParallelAcquisitionTechnique": "SENSE",
    "ParallelReductionFactorInPlane": 2,
    "PatientPosition": "HFS",
    "PhaseEncodingDirection": "j",
    "PhilipsRescaleIntercept": 0,
    "PhilipsRescaleSlope": 0.80147,
    "PhilipsScaleSlope": 0.0651508,
    "ProtocolName": "WIPpiopwmSENSE",
    "PulseSequenceType": "gradient echo EPI",
    "ReconMatrixPE": 80,
    "RepetitionTime": 2,
    "SeriesDescription": "ImageMRSERIES",
    "SeriesNumber": 8,
    "SliceEncodingDirection": "k",
    "SliceTiming": [
      0.0,
      0.0541,
      0.1081,
      0.1622,
      0.2162,
      0.2703,
      0.3243,
      0.3784,
      0.4324,
      0.4865,
      0.5405,
      0.5946,
      0.6486,
      0.7027,
      0.7568,
      0.8108,
      0.8649,
      0.9189,
      0.973,
      1.027,
      1.0811,
      1.1351,
      1.1892,
      1.2432,
      1.2973,
      1.3514,
      1.4054,
      1.4595,
      1.5135,
      1.5676,
      1.6216,
      1.6757,
      1.7297,
      1.7838,
      1.8378,
      1.8919,
      1.9459
    ],
    "TaskName": "workingmemory",
    "TotalReadoutTime": 0.025822520692561732,
    "UsePhilipsFloatNotDisplayScaling": 1,
    "acq_id": "seq",
    "dataset": "ds002785",
    "modality": "bold",
    "subject_id": "0155",
    "task_id": "workingmemory"
  },
  "dummy_trs": 0,
  "dvars_nstd": 19.05959398850932,
  "dvars_std": 1.2017413914906836,
  "dvars_vstd": 1.0222433860869564,
  "efc": 0.3997209830739491,
  "fber": 164413.84375,
  "fd_mean": 0.12336312240200645,
  "fd_num": 15,
  "fd_perc": 9.25925925925926,
  "fwhm_avg": 1.6414676843791043,
  "fwhm_x": 1.64726,
  "fwhm_y": 1.6968733333333335,
  "fwhm_z": 1.5802697198039792,
  "gcor": 0.0135194,
  "gsr_x": -0.0158257894217968,
  "gsr_y": 0.003648788435384631,
  "provenance": {
    "md5sum": "8662cef7a780a386a4e840fad70fa02d",
    "settings": {
      "fd_thres": 0.2,
      "testing": false
    },
    "software": "mriqc",
    "version": "22.0.0rc1",
    "webapi_port": null,
    "webapi_url": "https://mriqc.nimh.nih.gov/api/v1"
  },
  "size_t": 162,
  "size_x": 80,
  "size_y": 80,
  "size_z": 37,
  "snr": 5.947932663355191,
  "spacing_tr": 2.0,
  "spacing_x": 3.0,
  "spacing_y": 3.0,
  "spacing_z": 3.299999952316284,
  "summary_bg_k": 75.65574605301387,
  "summary_bg_mad": 55.91941251674178,
  "summary_bg_mean": 463.418212890625,
  "summary_bg_median": 54.138282775878906,
  "summary_bg_n": 165198.0,
  "summary_bg_p05": 3.788194608688355,
  "summary_bg_p95": 2158.552587890625,
  "summary_bg_stdv": 1523.83935546875,
  "summary_fg_k": 1.8488895199282336,
  "summary_fg_mad": 3728.8690949622837,
  "summary_fg_mean": 22928.802734375,
  "summary_fg_median": 22608.978515625,
  "summary_fg_n": 30959.0,
  "summary_fg_p05": 17638.387890625,
  "summary_fg_p95": 29107.1376953125,
  "summary_fg_stdv": 3801.087646484375,
  "tsnr": 75.7833023071289
}