{
  "aor": 0.0019339591836734695,
  "aqi": 0.004564666081632653,
  "bids_meta": {
    "AcquisitionNumber": 3,
    "BidsifyVersion": "0.3.5",
    "ConversionSoftware": "dcm2niix",
    "ConversionSoftwareVersion": "v1.0.20181125  GCC6.3.0",
    "EchoTime": 0.02762,
    "EffectiveEchoSpacing": 0.0006621159151938905,
    "ImageComments": "Piop",
    "ImageOrientationPatientDICOM": [
      0.999537,
      -0.0290437,
      0.00906159,
      0.0298402,
      0.877758,
      -0.478175
    ],
    "Manufacturer": "Philips",
    "NumberOfVolumesDiscardedByScanner": 2,
    "ParallelAcquisitionTechnique": "SENSE",
    "ParallelReductionFactorInPlane": 2,
    "PatientPosition": "HFS",
    "PhaseEncodingDirection": "j",
    "PhilipsRescaleIntercept": 0,
    "PhilipsRescaleSlope": 0.75995,
    "PhilipsScaleSlope": 0.0642112,
    "ProtocolName": "WIPpiopgstroopSENSE",
    "PulseSequenceType": "gradient echo EPI",
    "ReconMatrixPE": 80,
    "RepetitionTime": 2,
    "SeriesDescription": "ImageMRSERIES",
    "SeriesNumber": 3,
    "SliceEncodingDirection": "k",
    "SliceTiming": [
      0.0,
      0.0541,
      0.1081,
      0.1622,
      0.2162,
      0.2703,
      0.3243,
      0.3784,
      0.4324,
      0.4865,
      0.5405,
      0.5946,
      0.6486,
      0.7027,
      0.7568,
      0.8108,
      0.8649,
      0.9189,
      0.973,
      1.027,
      1.0811,
      1.1351,
      1.1892,
      1.2432,
      1.2973,
      1.3514,
      1.4054,
      1.4595,
      1.5135,
      1.5676,
      1.6216,
      1.6757,
      1.7297,
      1.7838,
      1.8378,
      1.8919,
      1.9459
    ],
    "TaskName": "gstroop",
    "TotalReadoutTime": 0.025822520692561732,
    "UsePhilipsFloatNotDisplayScaling": 1,
    "acq_id": "seq",
    "dataset": "ds002785",
    "modality": "bold",
    "subject_id": "0155",
    "task_id": "gstroop"
  },
  "dummy_trs": 0,
  "dvars_nstd": 18.587882929180317,
  "dvars_std": 1.1605168098770502,
  "dvars_vstd": 1.0081050098360658,
  "efc": 0.3913036156424957,
  "fber": 177566.53125,
  "fd_mean": 0.14147912589769354,
  "fd_num": 27,
  "fd_perc": 11.020408163265307,
  "fwhm_avg": 1.6474984925729845,
  "fwhm_x": 1.6312766666666667,
  "fwhm_y": 1.7074733333333334,
  "fwhm_z": 1.6037454777189528,
  "gcor": 0.0121992,
  "gsr_x": -0.01333678886294365,
  "gsr_y": 0.004875156097114086,
  "provenance": {
    "md5sum": "66f324f0bc3d14be959b7fd04a9d0d94",
    "settings": {
      "fd_thres": 0.2,
      "testing": false
    },
    "software": "mriqc",
    "version": "22.0.0rc1",
    "webapi_port": null,
    "webapi_url": "https://mriqc.nimh.nih.gov/api/v1"
  },
  "size_t": 245,
  "size_x": 80,
  "size_y": 80,
  "size_z": 37,
  "snr": 5.907855282767932,
  "spacing_tr": 2.0,
  "spacing_x": 3.0,
  "spacing_y": 3.0,
  "spacing_z": 3.299999952316284,
  "summary_bg_k": 95.75944390602656,
  "summary_bg_mad": 52.06853587603641,
  "summary_bg_mean": 427.1275634765625,
  "summary_bg_median": 54.07099533081055,
  "summary_bg_n": 166483.0,
  "summary_bg_p05": 3.956197309494019,
  "summary_bg_p95": 1899.335375976561,
  "summary_bg_stdv": 1483.2342529296875,
  "summary_fg_k": 1.7611422064687288,
  "summary_fg_mad": 3888.0692995892387,
  "summary_fg_mean": 23745.873046875,
  "summary_fg_median": 23395.205078125,
  "summary_fg_n": 30369.0,
  "summary_fg_p05": 18287.647265625,
  "summary_fg_p95": 30187.319140624997,
  "summary_fg_stdv": 3959.951416015625,
  "tsnr": 79.38084411621094
}