{
  "aor": 0.0030685,
  "aqi": 0.0072998652,
  "bids_meta": {
    "AcquisitionNumber": 9,
    "BidsifyVersion": "0.3.5",
    "ConversionSoftware": "dcm2niix",
    "ConversionSoftwareVersion": "v1.0.20181125  GCC6.3.0",
    "EchoTime": 0.02762,
    "EffectiveEchoSpacing": 0.0006621159151938905,
    "ImageComments": "Piop",
    "ImageOrientationPatientDICOM": [
      0.997841,
      0.0587507,
      0.0293384,
      -0.0426943,
      0.919854,
      -0.38993
    ],
    "Manufacturer": "Philips",
    "NumberOfVolumesDiscardedByScanner": 2,
    "ParallelAcquisitionTechnique": "SENSE",
    "ParallelReductionFactorInPlane": 2,
    "PatientPosition": "HFS",
    "PhaseEncodingDirection": "j",
    "PhilipsRescaleIntercept": 0,
    "PhilipsRescaleSlope": 0.82515,
    "PhilipsScaleSlope": 0.0547558,
    "ProtocolName": "WIPpiopanticipatieSENSE",
    "PulseSequenceType": "gradient echo EPI",
    "ReconMatrixPE": 80,
    "RepetitionTime": 2,
    "SeriesDescription": "ImageMRSERIES",
    "SeriesNumber": 9,
    "SliceEncodingDirection": "k",
    "SliceTiming": [
      0.0,
      0.0541,
      0.1081,
      0.1622,
      0.2162,
      0.2703,
      0.3243,
      0.3784,
      0.4324,
      0.4865,
      0.5405,
      0.5946,
      0.6486,
      0.7027,
      0.7568,
      0.8108,
      0.8649,
      0.9189,
      0.973,
      1.027,
      1.0811,
      1.1351,
      1.1892,
      1.2432,
      1.2973,
      1.3514,
      1.4054,
      1.4595,
      1.5135,
      1.5676,
      1.6216,
      1.6757,
      1.7297,
      1.7838,
      1.8378,
      1.8919,
      1.9459
    ],
    "TaskName": "anticipation",
    "TotalReadoutTime": 0.025822520692561732,
    "UsePhilipsFloatNotDisplayScaling": 1,
    "acq_id": "seq",
    "dataset": "ds002785",
    "modality": "bold",
    "subject_id": "0179",
    "task_id": "anticipation"
  },
  "dummy_trs": 0,
  "dvars_nstd": 29.32691258788945,
  "dvars_std": 1.3658926461306533,
  "dvars_vstd": 0.9911865681909546,
  "efc": 0.45349129050219555,
  "fber": 118315.0703125,
  "fd_mean": 0.15386199173943826,
  "fd_num": 35,
  "fd_perc": 17.5,
  "fwhm_avg": 1.7977153619235426,
  "fwhm_x": 1.7476733333333332,
  "fwhm_y": 1.9039333333333335,
  "fwhm_z": 1.741539419103961,
  "gcor": 0.0352674,
  "gsr_x": -0.01997917704284191,
  "gsr_y": 0.025467947125434875,
  "provenance": {
    "md5sum": "1c960acde0a41f44990aaf05a453407d",
    "settings": {
      "fd_thres": 0.2,
      "testing": false
    },
    "software": "mriqc",
    "version": "22.0.0rc1",
    "webapi_port": null,
    "webapi_url": "https://mriqc.nimh.nih.gov/api/v1"
  },
  "size_t": 200,
  "size_x": 80,
  "size_y": 80,
  "size_z": 37,
  "snr": 5.04453601458653,
  "spacing_tr": 2.0,
  "spacing_x": 3.0,
  "spacing_y": 3.0,
  "spacing_z": 3.299999952316284,
  "summary_bg_k": 21.227151873418133,
  "summary_bg_mad": 77.14761625041245,
  "summary_bg_mean": 862.6686401367188,
  "summary_bg_median": 68.80418395996094,
  "summary_bg_n": 157009.0,
  "summary_bg_p05": 6.194102764129639,
  "summary_bg_p95": 5187.499316406253,
  "summary_bg_stdv": 2160.374267578125,
  "summary_fg_k": 1.770194544167289,
  "summary_fg_mad": 4371.690089275325,
  "summary_fg_mean": 25094.8125,
  "summary_fg_median": 24496.2890625,
  "summary_fg_n": 37387.0,
  "summary_fg_p05": 18330.9060546875,
  "summary_fg_p95": 33494.673046875,
  "summary_fg_stdv": 4855.939453125,
  "tsnr": 61.936424255371094
}