{
  "aor": 0.0037737037037037036,
  "aqi": 0.005914424518518519,
  "bids_meta": {
    "AcquisitionNumber": 5,
    "BidsifyVersion": "0.3.5",
    "ConversionSoftware": "dcm2niix",
    "ConversionSoftwareVersion": "v1.0.20181125  GCC6.3.0",
    "EchoTime": 0.02762,
    "EffectiveEchoSpacing": 0.0006621159151938905,
    "ImageComments": "Piop",
    "ImageOrientationPatientDICOM": [
      0.997841,
      0.0587507,
      0.0293384,
      -0.0426943,
      0.919854,
      -0.38993
    ],
    "Manufacturer": "Philips",
    "NumberOfVolumesDiscardedByScanner": 2,
    "ParallelAcquisitionTechnique": "SENSE",
    "ParallelReductionFactorInPlane": 2,
    "PatientPosition": "HFS",
    "PhaseEncodingDirection": "j",
    "PhilipsRescaleIntercept": 0,
    "PhilipsRescaleSlope": 0.80317,
    "PhilipsScaleSlope": 0.0534087,
    "ProtocolName": "WIPpiopharririSENSE",
    "PulseSequenceType": "gradient echo EPI",
    "ReconMatrixPE": 80,
    "RepetitionTime": 2,
    "SeriesDescription": "ImageMRSERIES",
    "SeriesNumber": 5,
    "SliceEncodingDirection": "k",
    "SliceTiming": [
      0.0,
      0.0541,
      0.1081,
      0.1622,
      0.2162,
      0.2703,
      0.3243,
      0.3784,
      0.4324,
      0.4865,
      0.5405,
      0.5946,
      0.6486,
      0.7027,
      0.7568,
      0.8108,
      0.8649,
      0.9189,
      0.973,
      1.027,
      1.0811,
      1.1351,
      1.1892,
      1.2432,
      1.2973,
      1.3514,
      1.4054,
      1.4595,
      1.5135,
      1.5676,
      1.6216,
      1.6757,
      1.7297,
      1.7838,
      1.8378,
      1.8919,
      1.9459
    ],
    "TaskName": "emomatching",
    "TotalReadoutTime": 0.025822520692561732,
    "UsePhilipsFloatNotDisplayScaling": 1,
    "acq_id": "seq",
    "dataset": "ds002785",
    "modality": "bold",
    "subject_id": "0179",
    "task_id": "emomatching"
  },
  "dummy_trs": 0,
  "dvars_nstd": 28.607073641343298,
  "dvars_std": 1.4713229538059704,
  "dvars_vstd": 1.0344764597761196,
  "efc": 0.4526006641795492,
  "fber": 132114.859375,
  "fd_mean": 0.12539355626206997,
  "fd_num": 18,
  "fd_perc": 13.333333333333334,
  "fwhm_avg": 1.8125359680404145,
  "fwhm_x": 1.7661966666666666,
  "fwhm_y": 1.91819,
  "fwhm_z": 1.7532212374545768,
  "gcor": 0.0517184,
  "gsr_x": -0.019387589767575264,
  "gsr_y": 0.026561472564935684,
  "provenance": {
    "md5sum": "667ae4fcdf095ae789f0594048ba9bf9",
    "settings": {
      "fd_thres": 0.2,
      "testing": false
    },
    "software": "mriqc",
    "version": "22.0.0rc1",
    "webapi_port": null,
    "webapi_url": "https://mriqc.nimh.nih.gov/api/v1"
  },
  "size_t": 135,
  "size_x": 80,
  "size_y": 80,
  "size_z": 37,
  "snr": 4.993089754504512,
  "spacing_tr": 2.0,
  "spacing_x": 3.0,
  "spacing_y": 3.0,
  "spacing_z": 3.299999952316284,
  "summary_bg_k": 17.29148662005471,
  "summary_bg_mad": 71.46261434169816,
  "summary_bg_mean": 850.38427734375,
  "summary_bg_median": 66.4901123046875,
  "summary_bg_n": 156792.0,
  "summary_bg_p05": 6.368312478065491,
  "summary_bg_p95": 5086.101733398432,
  "summary_bg_stdv": 2136.36572265625,
  "summary_fg_k": 1.7036844718056035,
  "summary_fg_mad": 4513.799828485053,
  "summary_fg_mean": 25614.546875,
  "summary_fg_median": 25022.291015625,
  "summary_fg_n": 37511.0,
  "summary_fg_p05": 18592.109375,
  "summary_fg_p95": 34159.27734375,
  "summary_fg_stdv": 5011.3173828125,
  "tsnr": 67.63259887695312
}