{
  "aor": 0.0014647720364741642,
  "aqi": 0.007972366109422492,
  "bids_meta": {
    "AcquisitionNumber": 2,
    "BidsifyVersion": "0.3.5",
    "ConversionSoftware": "dcm2niix",
    "ConversionSoftwareVersion": "v1.0.20181125  GCC6.3.0",
    "EchoTime": 0.02762,
    "EffectiveEchoSpacing": 0.0006333282667071997,
    "ImageComments": "Piop",
    "ImageOrientationPatientDICOM": [
      0.997841,
      0.0587507,
      0.0293384,
      -0.0426943,
      0.919854,
      -0.38993
    ],
    "Manufacturer": "Philips",
    "NumberOfVolumesDiscardedByScanner": 2,
    "ParallelAcquisitionTechnique": "SENSE",
    "ParallelReductionFactorInPlane": 2,
    "PatientPosition": "HFS",
    "PhaseEncodingDirection": "j",
    "PhilipsRescaleIntercept": 0,
    "PhilipsRescaleSlope": 0.78559,
    "PhilipsScaleSlope": 0.0795254,
    "ProtocolName": "WIPpiopfacesSENSE",
    "PulseSequenceType": "gradient echo EPI",
    "ReconMatrixPE": 80,
    "RepetitionTime": 0.75,
    "SeriesDescription": "ImageMRSERIES",
    "SeriesNumber": 2,
    "SliceEncodingDirection": "k",
    "SliceTiming": [
      0.0,
      0.06755050505050506,
      0.1351010101010101,
      0.20265151515151517,
      0.2702020202020202,
      0.3377525252525253,
      0.40530303030303033,
      0.47285353535353536,
      0.5404040404040404,
      0.6079545454545455,
      0.6755050505050506,
      0.7430555555555556,
      0.0,
      0.06755050505050506,
      0.1351010101010101,
      0.20265151515151517,
      0.2702020202020202,
      0.3377525252525253,
      0.40530303030303033,
      0.47285353535353536,
      0.5404040404040404,
      0.6079545454545455,
      0.6755050505050506,
      0.7430555555555556,
      0.0,
      0.06755050505050506,
      0.1351010101010101,
      0.20265151515151517,
      0.2702020202020202,
      0.3377525252525253,
      0.40530303030303033,
      0.47285353535353536,
      0.5404040404040404,
      0.6079545454545455,
      0.6755050505050506,
      0.7430555555555556
    ],
    "TaskName": "faces",
    "TotalReadoutTime": 0.024699802401580786,
    "UsePhilipsFloatNotDisplayScaling": 1,
    "acq_id": "mb3",
    "dataset": "ds002785",
    "modality": "bold",
    "subject_id": "0179",
    "task_id": "faces"
  },
  "dummy_trs": 1,
  "dvars_nstd": 33.3994880765244,
  "dvars_std": 1.2797865479573174,
  "dvars_vstd": 1.0153264033841465,
  "efc": 0.4568440929669831,
  "fber": 116768.4453125,
  "fd_mean": 0.0803088166067163,
  "fd_num": 10,
  "fd_perc": 3.0395136778115504,
  "fwhm_avg": 1.8478151600228199,
  "fwhm_x": 1.81792,
  "fwhm_y": 1.95918,
  "fwhm_z": 1.7663454800684595,
  "gcor": 0.0267499,
  "gsr_x": -0.019297074526548386,
  "gsr_y": 0.024515142664313316,
  "provenance": {
    "md5sum": "ba07a5871d404174e87aa11203c4a1f0",
    "settings": {
      "fd_thres": 0.2,
      "testing": false
    },
    "software": "mriqc",
    "version": "22.0.0rc1",
    "webapi_port": null,
    "webapi_url": "https://mriqc.nimh.nih.gov/api/v1"
  },
  "size_t": 329,
  "size_x": 80,
  "size_y": 80,
  "size_z": 36,
  "snr": 5.836648140063115,
  "spacing_tr": 0.75,
  "spacing_x": 3.0,
  "spacing_y": 3.0,
  "spacing_z": 3.299999952316284,
  "summary_bg_k": 17.42268653622305,
  "summary_bg_mad": 59.828150284620385,
  "summary_bg_mean": 634.2926025390625,
  "summary_bg_median": 53.40550231933594,
  "summary_bg_n": 151926.0,
  "summary_bg_p05": 4.300954461097717,
  "summary_bg_p95": 3677.3348999023438,
  "summary_bg_stdv": 1567.029541015625,
  "summary_fg_k": 0.7107429724326231,
  "summary_fg_mad": 3127.853429220659,
  "summary_fg_mean": 19077.166015625,
  "summary_fg_median": 18946.716796875,
  "summary_fg_n": 36619.0,
  "summary_fg_p05": 14006.33193359375,
  "summary_fg_p95": 24422.3904296875,
  "summary_fg_stdv": 3246.11962890625,
  "tsnr": 51.85657501220703
}