{
  "aor": 0.002638408163265306,
  "aqi": 0.008956931469387756,
  "bids_meta": {
    "AcquisitionNumber": 3,
    "BidsifyVersion": "0.3.5",
    "ConversionSoftware": "dcm2niix",
    "ConversionSoftwareVersion": "v1.0.20181125  GCC6.3.0",
    "EchoTime": 0.02762,
    "EffectiveEchoSpacing": 0.0006621159151938905,
    "ImageComments": "Piop",
    "ImageOrientationPatientDICOM": [
      0.997841,
      0.0587507,
      0.0293384,
      -0.0426943,
      0.919854,
      -0.38993
    ],
    "Manufacturer": "Philips",
    "NumberOfVolumesDiscardedByScanner": 2,
    "ParallelAcquisitionTechnique": "SENSE",
    "ParallelReductionFactorInPlane": 2,
    "PatientPosition": "HFS",
    "PhaseEncodingDirection": "j",
    "PhilipsRescaleIntercept": 0,
    "PhilipsRescaleSlope": 0.81978,
    "PhilipsScaleSlope": 0.0523819,
    "ProtocolName": "WIPpiopgstroopSENSE",
    "PulseSequenceType": "gradient echo EPI",
    "ReconMatrixPE": 80,
    "RepetitionTime": 2,
    "SeriesDescription": "ImageMRSERIES",
    "SeriesNumber": 3,
    "SliceEncodingDirection": "k",
    "SliceTiming": [
      0.0,
      0.0541,
      0.1081,
      0.1622,
      0.2162,
      0.2703,
      0.3243,
      0.3784,
      0.4324,
      0.4865,
      0.5405,
      0.5946,
      0.6486,
      0.7027,
      0.7568,
      0.8108,
      0.8649,
      0.9189,
      0.973,
      1.027,
      1.0811,
      1.1351,
      1.1892,
      1.2432,
      1.2973,
      1.3514,
      1.4054,
      1.4595,
      1.5135,
      1.5676,
      1.6216,
      1.6757,
      1.7297,
      1.7838,
      1.8378,
      1.8919,
      1.9459
    ],
    "TaskName": "gstroop",
    "TotalReadoutTime": 0.025822520692561732,
    "UsePhilipsFloatNotDisplayScaling": 1,
    "acq_id": "seq",
    "dataset": "ds002785",
    "modality": "bold",
    "subject_id": "0179",
    "task_id": "gstroop"
  },
  "dummy_trs": 0,
  "dvars_nstd": 27.817553621557387,
  "dvars_std": 1.341409052704918,
  "dvars_vstd": 0.9881628581147543,
  "efc": 0.4517012402461957,
  "fber": 124598.6953125,
  "fd_mean": 0.14365245604275606,
  "fd_num": 41,
  "fd_perc": 16.73469387755102,
  "fwhm_avg": 1.7545152606342576,
  "fwhm_x": 1.7167700000000001,
  "fwhm_y": 1.8632,
  "fwhm_z": 1.6835757819027724,
  "gcor": 0.042964,
  "gsr_x": -0.018241386860609055,
  "gsr_y": 0.025228818878531456,
  "provenance": {
    "md5sum": "4e9ca76789ab9ccd4e4d419e312f4200",
    "settings": {
      "fd_thres": 0.2,
      "testing": false
    },
    "software": "mriqc",
    "version": "22.0.0rc1",
    "webapi_port": null,
    "webapi_url": "https://mriqc.nimh.nih.gov/api/v1"
  },
  "size_t": 245,
  "size_x": 80,
  "size_y": 80,
  "size_z": 37,
  "snr": 5.131543779260181,
  "spacing_tr": 2.0,
  "spacing_x": 3.0,
  "spacing_y": 3.0,
  "spacing_z": 3.299999952316284,
  "summary_bg_k": 17.948829918479458,
  "summary_bg_mad": 78.17987798849019,
  "summary_bg_mean": 837.916015625,
  "summary_bg_median": 69.14573669433594,
  "summary_bg_n": 156762.0,
  "summary_bg_p05": 5.966797137260437,
  "summary_bg_p95": 4961.807299804686,
  "summary_bg_stdv": 2113.459716796875,
  "summary_fg_k": 2.0299284035426197,
  "summary_fg_mad": 4448.778165368971,
  "summary_fg_mean": 25903.40234375,
  "summary_fg_median": 25315.09765625,
  "summary_fg_n": 37474.0,
  "summary_fg_p05": 19108.94697265625,
  "summary_fg_p95": 34353.1708984375,
  "summary_fg_stdv": 4933.16650390625,
  "tsnr": 57.06529235839844
}