{
  "aor": 0.0012039832285115303,
  "aqi": 0.009094570062893081,
  "bids_meta": {
    "AcquisitionNumber": 6,
    "BidsifyVersion": "0.3.5",
    "ConversionSoftware": "dcm2niix",
    "ConversionSoftwareVersion": "v1.0.20181125  GCC6.3.0",
    "EchoTime": 0.02762,
    "EffectiveEchoSpacing": 0.0006333282667071997,
    "ImageComments": "Piop",
    "ImageOrientationPatientDICOM": [
      0.997841,
      0.0587507,
      0.0293384,
      -0.0426943,
      0.919854,
      -0.38993
    ],
    "Manufacturer": "Philips",
    "NumberOfVolumesDiscardedByScanner": 2,
    "ParallelAcquisitionTechnique": "SENSE",
    "ParallelReductionFactorInPlane": 2,
    "PatientPosition": "HFS",
    "PhaseEncodingDirection": "j",
    "PhilipsRescaleIntercept": 0,
    "PhilipsRescaleSlope": 0.78974,
    "PhilipsScaleSlope": 0.0774097,
    "ProtocolName": "WIPpioprsSENSE",
    "PulseSequenceType": "gradient echo EPI",
    "ReconMatrixPE": 80,
    "RepetitionTime": 0.75,
    "SeriesDescription": "ImageMRSERIES",
    "SeriesNumber": 6,
    "SliceEncodingDirection": "k",
    "SliceTiming": [
      0.0,
      0.06755050505050506,
      0.1351010101010101,
      0.20265151515151517,
      0.2702020202020202,
      0.3377525252525253,
      0.40530303030303033,
      0.47285353535353536,
      0.5404040404040404,
      0.6079545454545455,
      0.6755050505050506,
      0.7430555555555556,
      0.0,
      0.06755050505050506,
      0.1351010101010101,
      0.20265151515151517,
      0.2702020202020202,
      0.3377525252525253,
      0.40530303030303033,
      0.47285353535353536,
      0.5404040404040404,
      0.6079545454545455,
      0.6755050505050506,
      0.7430555555555556,
      0.0,
      0.06755050505050506,
      0.1351010101010101,
      0.20265151515151517,
      0.2702020202020202,
      0.3377525252525253,
      0.40530303030303033,
      0.47285353535353536,
      0.5404040404040404,
      0.6079545454545455,
      0.6755050505050506,
      0.7430555555555556
    ],
    "TaskName": "restingstate",
    "TotalReadoutTime": 0.024699802401580786,
    "UsePhilipsFloatNotDisplayScaling": 1,
    "acq_id": "mb3",
    "dataset": "ds002785",
    "modality": "bold",
    "subject_id": "0179",
    "task_id": "restingstate"
  },
  "dummy_trs": 3,
  "dvars_nstd": 33.802517878739515,
  "dvars_std": 1.2750066438445378,
  "dvars_vstd": 1.0108962957773104,
  "efc": 0.45819433909435153,
  "fber": 114095.09375,
  "fd_mean": 0.09274944419389627,
  "fd_num": 29,
  "fd_perc": 6.079664570230608,
  "fwhm_avg": 1.8430371801988599,
  "fwhm_x": 1.8129799999999998,
  "fwhm_y": 1.9551800000000001,
  "fwhm_z": 1.7609515405965797,
  "gcor": 0.0232135,
  "gsr_x": -0.0198286771774292,
  "gsr_y": 0.02478460595011711,
  "provenance": {
    "md5sum": "361eacd983f43272cd7d99f847498b52",
    "settings": {
      "fd_thres": 0.2,
      "testing": false
    },
    "software": "mriqc",
    "version": "22.0.0rc1",
    "webapi_port": null,
    "webapi_url": "https://mriqc.nimh.nih.gov/api/v1"
  },
  "size_t": 477,
  "size_x": 80,
  "size_y": 80,
  "size_z": 36,
  "snr": 5.928459681134329,
  "spacing_tr": 0.75,
  "spacing_x": 3.0,
  "spacing_y": 3.0,
  "spacing_z": 3.299999952316284,
  "summary_bg_k": 16.111634722533122,
  "summary_bg_mad": 59.411374135975805,
  "summary_bg_mean": 623.03515625,
  "summary_bg_median": 51.869102478027344,
  "summary_bg_n": 151922.0,
  "summary_bg_p05": 3.6206483721733096,
  "summary_bg_p95": 3671.7331542968714,
  "summary_bg_stdv": 1522.4423828125,
  "summary_fg_k": 0.8087275844507484,
  "summary_fg_mad": 2951.3571639469583,
  "summary_fg_mean": 18289.3828125,
  "summary_fg_median": 18180.14453125,
  "summary_fg_n": 36666.0,
  "summary_fg_p05": 13462.175048828125,
  "summary_fg_p95": 23318.57861328125,
  "summary_fg_stdv": 3066.54638671875,
  "tsnr": 49.51658248901367
}