{
  "aor": 0.0027480246913580246,
  "aqi": 0.004342691851851852,
  "bids_meta": {
    "AcquisitionNumber": 8,
    "BidsifyVersion": "0.3.5",
    "ConversionSoftware": "dcm2niix",
    "ConversionSoftwareVersion": "v1.0.20181125  GCC6.3.0",
    "EchoTime": 0.02762,
    "EffectiveEchoSpacing": 0.0006621159151938905,
    "ImageComments": "PIOP",
    "ImageOrientationPatientDICOM": [
      0.998428,
      -0.00343808,
      -0.0559511,
      -0.0165561,
      0.935506,
      -0.352922
    ],
    "Manufacturer": "Philips",
    "NumberOfVolumesDiscardedByScanner": 2,
    "ParallelAcquisitionTechnique": "SENSE",
    "ParallelReductionFactorInPlane": 2,
    "PatientPosition": "HFS",
    "PhaseEncodingDirection": "j",
    "PhilipsRescaleIntercept": 0,
    "PhilipsRescaleSlope": 0.73968,
    "PhilipsScaleSlope": 0.067188,
    "ProtocolName": "WIPpiopwmSENSE",
    "PulseSequenceType": "gradient echo EPI",
    "ReconMatrixPE": 80,
    "RepetitionTime": 2,
    "SeriesDescription": "ImageMRSERIES",
    "SeriesNumber": 8,
    "SliceEncodingDirection": "k",
    "SliceTiming": [
      0.0,
      0.0541,
      0.1081,
      0.1622,
      0.2162,
      0.2703,
      0.3243,
      0.3784,
      0.4324,
      0.4865,
      0.5405,
      0.5946,
      0.6486,
      0.7027,
      0.7568,
      0.8108,
      0.8649,
      0.9189,
      0.973,
      1.027,
      1.0811,
      1.1351,
      1.1892,
      1.2432,
      1.2973,
      1.3514,
      1.4054,
      1.4595,
      1.5135,
      1.5676,
      1.6216,
      1.6757,
      1.7297,
      1.7838,
      1.8378,
      1.8919,
      1.9459
    ],
    "TaskName": "workingmemory",
    "TotalReadoutTime": 0.025822520692561732,
    "UsePhilipsFloatNotDisplayScaling": 1,
    "acq_id": "seq",
    "dataset": "ds002785",
    "modality": "bold",
    "subject_id": "0119",
    "task_id": "workingmemory"
  },
  "dummy_trs": 0,
  "dvars_nstd": 19.287179620807446,
  "dvars_std": 1.176792235341615,
  "dvars_vstd": 1.0438101814285718,
  "efc": 0.42183679796419393,
  "fber": 139439.84375,
  "fd_mean": 0.10175624865436733,
  "fd_num": 9,
  "fd_perc": 5.555555555555555,
  "fwhm_avg": 1.7693444525733142,
  "fwhm_x": 1.72767,
  "fwhm_y": 1.8926633333333334,
  "fwhm_z": 1.6877000243866087,
  "gcor": 0.0295769,
  "gsr_x": -0.014014971442520618,
  "gsr_y": 0.018871072679758072,
  "provenance": {
    "md5sum": "f66a44e5adb7f6cecc607c2c168cee8b",
    "settings": {
      "fd_thres": 0.2,
      "testing": false
    },
    "software": "mriqc",
    "version": "22.0.0rc1",
    "webapi_port": null,
    "webapi_url": "https://mriqc.nimh.nih.gov/api/v1"
  },
  "size_t": 162,
  "size_x": 80,
  "size_y": 80,
  "size_z": 37,
  "snr": 5.73134867509899,
  "spacing_tr": 2.0,
  "spacing_x": 3.0,
  "spacing_y": 3.0,
  "spacing_z": 3.299999952316284,
  "summary_bg_k": 45.39151011996117,
  "summary_bg_mad": 59.41588878144136,
  "summary_bg_mean": 556.9523315429688,
  "summary_bg_median": 55.14767837524414,
  "summary_bg_n": 162695.0,
  "summary_bg_p05": 4.256756639480591,
  "summary_bg_p95": 3205.665991210934,
  "summary_bg_stdv": 1520.22314453125,
  "summary_fg_k": 2.5904767321197806,
  "summary_fg_mad": 3285.34951000857,
  "summary_fg_mean": 21240.658203125,
  "summary_fg_median": 20833.67578125,
  "summary_fg_n": 33592.0,
  "summary_fg_p05": 16334.0400390625,
  "summary_fg_p95": 27251.482910156243,
  "summary_fg_stdv": 3634.98486328125,
  "tsnr": 79.52677154541016
}