{
  "aor": 0.00100215,
  "aqi": 0.00646228095,
  "bids_meta": {
    "AcquisitionNumber": 9,
    "BidsifyVersion": "0.3.5",
    "ConversionSoftware": "dcm2niix",
    "ConversionSoftwareVersion": "v1.0.20181125  GCC6.3.0",
    "EchoTime": 0.02762,
    "EffectiveEchoSpacing": 0.0006621159151938905,
    "ImageComments": "PIOP",
    "ImageOrientationPatientDICOM": [
      0.998428,
      -0.00343808,
      -0.0559511,
      -0.0165561,
      0.935506,
      -0.352922
    ],
    "Manufacturer": "Philips",
    "NumberOfVolumesDiscardedByScanner": 2,
    "ParallelAcquisitionTechnique": "SENSE",
    "ParallelReductionFactorInPlane": 2,
    "PatientPosition": "HFS",
    "PhaseEncodingDirection": "j",
    "PhilipsRescaleIntercept": 0,
    "PhilipsRescaleSlope": 0.73846,
    "PhilipsScaleSlope": 0.0674772,
    "ProtocolName": "WIPpiopanticipatieSENSE",
    "PulseSequenceType": "gradient echo EPI",
    "ReconMatrixPE": 80,
    "RepetitionTime": 2,
    "SeriesDescription": "ImageMRSERIES",
    "SeriesNumber": 9,
    "SliceEncodingDirection": "k",
    "SliceTiming": [
      0.0,
      0.0541,
      0.1081,
      0.1622,
      0.2162,
      0.2703,
      0.3243,
      0.3784,
      0.4324,
      0.4865,
      0.5405,
      0.5946,
      0.6486,
      0.7027,
      0.7568,
      0.8108,
      0.8649,
      0.9189,
      0.973,
      1.027,
      1.0811,
      1.1351,
      1.1892,
      1.2432,
      1.2973,
      1.3514,
      1.4054,
      1.4595,
      1.5135,
      1.5676,
      1.6216,
      1.6757,
      1.7297,
      1.7838,
      1.8378,
      1.8919,
      1.9459
    ],
    "TaskName": "anticipation",
    "TotalReadoutTime": 0.025822520692561732,
    "UsePhilipsFloatNotDisplayScaling": 1,
    "acq_id": "seq",
    "dataset": "ds002785",
    "modality": "bold",
    "subject_id": "0119",
    "task_id": "anticipation"
  },
  "dummy_trs": 0,
  "dvars_nstd": 21.15420419643218,
  "dvars_std": 1.1029510722110552,
  "dvars_vstd": 0.9792431753768844,
  "efc": 0.42163992608588136,
  "fber": 136891.59375,
  "fd_mean": 0.14142768129659622,
  "fd_num": 37,
  "fd_perc": 18.5,
  "fwhm_avg": 1.7593011191444525,
  "fwhm_x": 1.7134233333333333,
  "fwhm_y": 1.8966133333333335,
  "fwhm_z": 1.6678666907666913,
  "gcor": 0.0315488,
  "gsr_x": -0.014101152308285236,
  "gsr_y": 0.018545616418123245,
  "provenance": {
    "md5sum": "4294d013bf43948e53ee2d2714da296e",
    "settings": {
      "fd_thres": 0.2,
      "testing": false
    },
    "software": "mriqc",
    "version": "22.0.0rc1",
    "webapi_port": null,
    "webapi_url": "https://mriqc.nimh.nih.gov/api/v1"
  },
  "size_t": 200,
  "size_x": 80,
  "size_y": 80,
  "size_z": 37,
  "snr": 5.699299363928085,
  "spacing_tr": 2.0,
  "spacing_x": 3.0,
  "spacing_y": 3.0,
  "spacing_z": 3.299999952316284,
  "summary_bg_k": 49.09818540043798,
  "summary_bg_mad": 58.696708445226015,
  "summary_bg_mean": 548.9303588867188,
  "summary_bg_median": 54.53152084350586,
  "summary_bg_n": 162769.0,
  "summary_bg_p05": 4.344097709655762,
  "summary_bg_p95": 3138.2307617187503,
  "summary_bg_stdv": 1500.026123046875,
  "summary_fg_k": 2.67919459036181,
  "summary_fg_mad": 3260.8243156928806,
  "summary_fg_mean": 21001.1328125,
  "summary_fg_median": 20570.431640625,
  "summary_fg_n": 33571.0,
  "summary_fg_p05": 16139.41015625,
  "summary_fg_p95": 26988.578125,
  "summary_fg_stdv": 3609.237548828125,
  "tsnr": 69.18565368652344
}