{
  "aor": 0.0006352592592592592,
  "aqi": 0.0064226955555555555,
  "bids_meta": {
    "AcquisitionNumber": 5,
    "BidsifyVersion": "0.3.5",
    "ConversionSoftware": "dcm2niix",
    "ConversionSoftwareVersion": "v1.0.20181125  GCC6.3.0",
    "EchoTime": 0.02762,
    "EffectiveEchoSpacing": 0.0006621159151938905,
    "ImageComments": "PIOP",
    "ImageOrientationPatientDICOM": [
      0.998428,
      -0.00343808,
      -0.0559511,
      -0.0165561,
      0.935506,
      -0.352922
    ],
    "Manufacturer": "Philips",
    "NumberOfVolumesDiscardedByScanner": 2,
    "ParallelAcquisitionTechnique": "SENSE",
    "ParallelReductionFactorInPlane": 2,
    "PatientPosition": "HFS",
    "PhaseEncodingDirection": "j",
    "PhilipsRescaleIntercept": 0,
    "PhilipsRescaleSlope": 0.76166,
    "PhilipsScaleSlope": 0.0645324,
    "ProtocolName": "WIPpiopharririSENSE",
    "PulseSequenceType": "gradient echo EPI",
    "ReconMatrixPE": 80,
    "RepetitionTime": 2,
    "SeriesDescription": "ImageMRSERIES",
    "SeriesNumber": 5,
    "SliceEncodingDirection": "k",
    "SliceTiming": [
      0.0,
      0.0541,
      0.1081,
      0.1622,
      0.2162,
      0.2703,
      0.3243,
      0.3784,
      0.4324,
      0.4865,
      0.5405,
      0.5946,
      0.6486,
      0.7027,
      0.7568,
      0.8108,
      0.8649,
      0.9189,
      0.973,
      1.027,
      1.0811,
      1.1351,
      1.1892,
      1.2432,
      1.2973,
      1.3514,
      1.4054,
      1.4595,
      1.5135,
      1.5676,
      1.6216,
      1.6757,
      1.7297,
      1.7838,
      1.8378,
      1.8919,
      1.9459
    ],
    "TaskName": "emomatching",
    "TotalReadoutTime": 0.025822520692561732,
    "UsePhilipsFloatNotDisplayScaling": 1,
    "acq_id": "seq",
    "dataset": "ds002785",
    "modality": "bold",
    "subject_id": "0119",
    "task_id": "emomatching"
  },
  "dummy_trs": 0,
  "dvars_nstd": 18.659227591940297,
  "dvars_std": 1.0549550426119396,
  "dvars_vstd": 0.9557828847014924,
  "efc": 0.4201184664793503,
  "fber": 137700.890625,
  "fd_mean": 0.0918464773174924,
  "fd_num": 4,
  "fd_perc": 2.962962962962963,
  "fwhm_avg": 1.7768387960853789,
  "fwhm_x": 1.7260900000000001,
  "fwhm_y": 1.90059,
  "fwhm_z": 1.7038363882561363,
  "gcor": 0.0235087,
  "gsr_x": -0.014040585607290268,
  "gsr_y": 0.018868407234549522,
  "provenance": {
    "md5sum": "84130d7afe041c433c24558eccd0cc1b",
    "settings": {
      "fd_thres": 0.2,
      "testing": false
    },
    "software": "mriqc",
    "version": "22.0.0rc1",
    "webapi_port": null,
    "webapi_url": "https://mriqc.nimh.nih.gov/api/v1"
  },
  "size_t": 135,
  "size_x": 80,
  "size_y": 80,
  "size_z": 37,
  "snr": 5.644056205120103,
  "spacing_tr": 2.0,
  "spacing_x": 3.0,
  "spacing_y": 3.0,
  "spacing_z": 3.299999952316284,
  "summary_bg_k": 47.47012399826532,
  "summary_bg_mad": 59.66617094172763,
  "summary_bg_mean": 541.2503051757812,
  "summary_bg_median": 55.74118423461914,
  "summary_bg_n": 162821.0,
  "summary_bg_p05": 4.615661144256592,
  "summary_bg_p95": 3081.880615234375,
  "summary_bg_stdv": 1485.7965087890625,
  "summary_fg_k": 2.4928338178128246,
  "summary_fg_mad": 3385.4077855129503,
  "summary_fg_mean": 21499.703125,
  "summary_fg_median": 21046.419921875,
  "summary_fg_n": 33466.0,
  "summary_fg_p05": 16494.26220703125,
  "summary_fg_p95": 27738.7392578125,
  "summary_fg_stdv": 3728.897216796875,
  "tsnr": 69.69122314453125
}