{
  "aor": 0.0005049060542797495,
  "aqi": 0.012918185240083509,
  "bids_meta": {
    "AcquisitionNumber": 6,
    "BidsifyVersion": "0.3.5",
    "ConversionSoftware": "dcm2niix",
    "ConversionSoftwareVersion": "v1.0.20181125  GCC6.3.0",
    "EchoTime": 0.02762,
    "EffectiveEchoSpacing": 0.0006333282667071997,
    "ImageComments": "PIOP",
    "ImageOrientationPatientDICOM": [
      0.998428,
      -0.00343808,
      -0.0559511,
      -0.0165561,
      0.935506,
      -0.352922
    ],
    "Manufacturer": "Philips",
    "NumberOfVolumesDiscardedByScanner": 2,
    "ParallelAcquisitionTechnique": "SENSE",
    "ParallelReductionFactorInPlane": 2,
    "PatientPosition": "HFS",
    "PhaseEncodingDirection": "j",
    "PhilipsRescaleIntercept": 0,
    "PhilipsRescaleSlope": 0.81099,
    "PhilipsScaleSlope": 0.0966029,
    "ProtocolName": "WIPpioprsSENSE",
    "PulseSequenceType": "gradient echo EPI",
    "ReconMatrixPE": 80,
    "RepetitionTime": 0.75,
    "SeriesDescription": "ImageMRSERIES",
    "SeriesNumber": 6,
    "SliceEncodingDirection": "k",
    "SliceTiming": [
      0.0,
      0.06755050505050506,
      0.1351010101010101,
      0.20265151515151517,
      0.2702020202020202,
      0.3377525252525253,
      0.40530303030303033,
      0.47285353535353536,
      0.5404040404040404,
      0.6079545454545455,
      0.6755050505050506,
      0.7430555555555556,
      0.0,
      0.06755050505050506,
      0.1351010101010101,
      0.20265151515151517,
      0.2702020202020202,
      0.3377525252525253,
      0.40530303030303033,
      0.47285353535353536,
      0.5404040404040404,
      0.6079545454545455,
      0.6755050505050506,
      0.7430555555555556,
      0.0,
      0.06755050505050506,
      0.1351010101010101,
      0.20265151515151517,
      0.2702020202020202,
      0.3377525252525253,
      0.40530303030303033,
      0.47285353535353536,
      0.5404040404040404,
      0.6079545454545455,
      0.6755050505050506,
      0.7430555555555556
    ],
    "TaskName": "restingstate",
    "TotalReadoutTime": 0.024699802401580786,
    "UsePhilipsFloatNotDisplayScaling": 1,
    "acq_id": "mb3",
    "dataset": "ds002785",
    "modality": "bold",
    "subject_id": "0119",
    "task_id": "restingstate"
  },
  "dummy_trs": 1,
  "dvars_nstd": 30.39752757493723,
  "dvars_std": 1.1261162059623433,
  "dvars_vstd": 1.0014278596861923,
  "efc": 0.4272271182770055,
  "fber": 155287.5625,
  "fd_mean": 0.11871209598166411,
  "fd_num": 59,
  "fd_perc": 12.31732776617954,
  "fwhm_avg": 1.7925951596665566,
  "fwhm_x": 1.7735066666666668,
  "fwhm_y": 1.9119,
  "fwhm_z": 1.6923788123330032,
  "gcor": 0.0217366,
  "gsr_x": -0.015281595289707184,
  "gsr_y": 0.016663791611790657,
  "provenance": {
    "md5sum": "533aa7249df1341808f3f84e283c7fdc",
    "settings": {
      "fd_thres": 0.2,
      "testing": false
    },
    "software": "mriqc",
    "version": "22.0.0rc1",
    "webapi_port": null,
    "webapi_url": "https://mriqc.nimh.nih.gov/api/v1"
  },
  "size_t": 479,
  "size_x": 80,
  "size_y": 80,
  "size_z": 36,
  "snr": 6.933101636515798,
  "spacing_tr": 0.75,
  "spacing_x": 3.0,
  "spacing_y": 3.0,
  "spacing_z": 3.299999952316284,
  "summary_bg_k": 30.44548105622154,
  "summary_bg_mad": 45.28683743610475,
  "summary_bg_mean": 407.8018798828125,
  "summary_bg_median": 38.349609375,
  "summary_bg_n": 157684.0,
  "summary_bg_p05": 2.3701520919799806,
  "summary_bg_p95": 2294.9974853515632,
  "summary_bg_stdv": 1055.10400390625,
  "summary_fg_k": 1.4818663147133444,
  "summary_fg_mad": 2050.1623281310067,
  "summary_fg_mean": 15472.21875,
  "summary_fg_median": 15370.8232421875,
  "summary_fg_n": 32929.0,
  "summary_fg_p05": 12137.79921875,
  "summary_fg_p95": 19189.433984374995,
  "summary_fg_stdv": 2216.986083984375,
  "tsnr": 46.30999755859375
}