{
  "aor": 0.010819918367346939,
  "aqi": 0.014529004938775509,
  "bids_meta": {
    "AcquisitionNumber": 3,
    "BidsifyVersion": "0.3.5",
    "ConversionSoftware": "dcm2niix",
    "ConversionSoftwareVersion": "v1.0.20181125  GCC6.3.0",
    "EchoTime": 0.02762,
    "EffectiveEchoSpacing": 0.0006621159151938905,
    "ImageComments": "PIOP",
    "ImageOrientationPatientDICOM": [
      0.998428,
      -0.00343808,
      -0.0559511,
      -0.0165561,
      0.935506,
      -0.352922
    ],
    "Manufacturer": "Philips",
    "NumberOfVolumesDiscardedByScanner": 2,
    "ParallelAcquisitionTechnique": "SENSE",
    "ParallelReductionFactorInPlane": 2,
    "PatientPosition": "HFS",
    "PhaseEncodingDirection": "j",
    "PhilipsRescaleIntercept": 0,
    "PhilipsRescaleSlope": 0.76703,
    "PhilipsScaleSlope": 0.0652086,
    "ProtocolName": "WIPpiopgstroopSENSE",
    "PulseSequenceType": "gradient echo EPI",
    "ReconMatrixPE": 80,
    "RepetitionTime": 2,
    "SeriesDescription": "ImageMRSERIES",
    "SeriesNumber": 3,
    "SliceEncodingDirection": "k",
    "SliceTiming": [
      0.0,
      0.0541,
      0.1081,
      0.1622,
      0.2162,
      0.2703,
      0.3243,
      0.3784,
      0.4324,
      0.4865,
      0.5405,
      0.5946,
      0.6486,
      0.7027,
      0.7568,
      0.8108,
      0.8649,
      0.9189,
      0.973,
      1.027,
      1.0811,
      1.1351,
      1.1892,
      1.2432,
      1.2973,
      1.3514,
      1.4054,
      1.4595,
      1.5135,
      1.5676,
      1.6216,
      1.6757,
      1.7297,
      1.7838,
      1.8378,
      1.8919,
      1.9459
    ],
    "TaskName": "gstroop",
    "TotalReadoutTime": 0.025822520692561732,
    "UsePhilipsFloatNotDisplayScaling": 1,
    "acq_id": "seq",
    "dataset": "ds002785",
    "modality": "bold",
    "subject_id": "0119",
    "task_id": "gstroop"
  },
  "dummy_trs": 0,
  "dvars_nstd": 20.131998382704914,
  "dvars_std": 1.0939425856967206,
  "dvars_vstd": 0.9934134654098364,
  "efc": 0.4231618316542455,
  "fber": 134077.453125,
  "fd_mean": 0.1329153180425493,
  "fd_num": 27,
  "fd_perc": 11.020408163265307,
  "fwhm_avg": 1.7244091997699431,
  "fwhm_x": 1.68123,
  "fwhm_y": 1.8620400000000001,
  "fwhm_z": 1.629957599309829,
  "gcor": 0.0199305,
  "gsr_x": -0.014430755749344826,
  "gsr_y": 0.018722200766205788,
  "provenance": {
    "md5sum": "596eecd4844af1d15c6e56bd21cdce20",
    "settings": {
      "fd_thres": 0.2,
      "testing": false
    },
    "software": "mriqc",
    "version": "22.0.0rc1",
    "webapi_port": null,
    "webapi_url": "https://mriqc.nimh.nih.gov/api/v1"
  },
  "size_t": 245,
  "size_x": 80,
  "size_y": 80,
  "size_z": 37,
  "snr": 5.8969229896651525,
  "spacing_tr": 2.0,
  "spacing_x": 3.0,
  "spacing_y": 3.0,
  "spacing_z": 3.299999952316284,
  "summary_bg_k": 56.33547000062733,
  "summary_bg_mad": 60.26235652783953,
  "summary_bg_mean": 558.0965576171875,
  "summary_bg_median": 56.539886474609375,
  "summary_bg_n": 162446.0,
  "summary_bg_p05": 5.114606618881226,
  "summary_bg_p95": 3143.8084716796875,
  "summary_bg_stdv": 1533.6627197265625,
  "summary_fg_k": 2.6306329980718433,
  "summary_fg_mad": 3248.847669646515,
  "summary_fg_mean": 21492.33984375,
  "summary_fg_median": 21055.671875,
  "summary_fg_n": 33697.0,
  "summary_fg_p05": 16708.9171875,
  "summary_fg_p95": 27414.149999999998,
  "summary_fg_stdv": 3570.567138671875,
  "tsnr": 52.98597717285156
}