{
  "aor": 0.0013912788259958068,
  "aqi": 0.013172099580712788,
  "bids_meta": {
    "AcquisitionNumber": 6,
    "BidsifyVersion": "0.3.5",
    "ConversionSoftware": "dcm2niix",
    "ConversionSoftwareVersion": "v1.0.20181125  GCC6.3.0",
    "EchoTime": 0.02762,
    "EffectiveEchoSpacing": 0.0006333282667071997,
    "ImageComments": "piop",
    "ImageOrientationPatientDICOM": [
      0.992333,
      0.121988,
      0.0198353,
      -0.10973,
      0.943473,
      -0.31276
    ],
    "Manufacturer": "Philips",
    "NumberOfVolumesDiscardedByScanner": 2,
    "ParallelAcquisitionTechnique": "SENSE",
    "ParallelReductionFactorInPlane": 2,
    "PatientPosition": "HFS",
    "PhaseEncodingDirection": "j",
    "PhilipsRescaleIntercept": 0,
    "PhilipsRescaleSlope": 0.80049,
    "PhilipsScaleSlope": 0.0775255,
    "ProtocolName": "WIPpioprsSENSE",
    "PulseSequenceType": "gradient echo EPI",
    "ReconMatrixPE": 80,
    "RepetitionTime": 0.75,
    "SeriesDescription": "ImageMRSERIES",
    "SeriesNumber": 6,
    "SliceEncodingDirection": "k",
    "SliceTiming": [
      0.0,
      0.06755050505050506,
      0.1351010101010101,
      0.20265151515151517,
      0.2702020202020202,
      0.3377525252525253,
      0.40530303030303033,
      0.47285353535353536,
      0.5404040404040404,
      0.6079545454545455,
      0.6755050505050506,
      0.7430555555555556,
      0.0,
      0.06755050505050506,
      0.1351010101010101,
      0.20265151515151517,
      0.2702020202020202,
      0.3377525252525253,
      0.40530303030303033,
      0.47285353535353536,
      0.5404040404040404,
      0.6079545454545455,
      0.6755050505050506,
      0.7430555555555556,
      0.0,
      0.06755050505050506,
      0.1351010101010101,
      0.20265151515151517,
      0.2702020202020202,
      0.3377525252525253,
      0.40530303030303033,
      0.47285353535353536,
      0.5404040404040404,
      0.6079545454545455,
      0.6755050505050506,
      0.7430555555555556
    ],
    "TaskName": "restingstate",
    "TotalReadoutTime": 0.024699802401580786,
    "UsePhilipsFloatNotDisplayScaling": 1,
    "acq_id": "mb3",
    "dataset": "ds002785",
    "modality": "bold",
    "subject_id": "0041",
    "task_id": "restingstate"
  },
  "dummy_trs": 3,
  "dvars_nstd": 27.455050175882352,
  "dvars_std": 1.0378831316386554,
  "dvars_vstd": 0.9886513690336128,
  "efc": 0.4230796189152123,
  "fber": 147032.25,
  "fd_mean": 0.15217279454700838,
  "fd_num": 101,
  "fd_perc": 21.17400419287212,
  "fwhm_avg": 1.7729319823968457,
  "fwhm_x": 1.7390198617951185,
  "fwhm_y": 1.8642033333333332,
  "fwhm_z": 1.7155727520620858,
  "gcor": 0.0180098,
  "gsr_x": -0.019917624071240425,
  "gsr_y": 0.01965307630598545,
  "provenance": {
    "md5sum": "a4d14aa5e6ae27c68f21db924ce5c968",
    "settings": {
      "fd_thres": 0.2,
      "testing": false
    },
    "software": "mriqc",
    "version": "22.0.0rc1",
    "webapi_port": null,
    "webapi_url": "https://mriqc.nimh.nih.gov/api/v1"
  },
  "size_t": 477,
  "size_x": 80,
  "size_y": 80,
  "size_z": 36,
  "snr": 5.53186939744407,
  "spacing_tr": 0.75,
  "spacing_x": 3.000000238418579,
  "spacing_y": 3.0,
  "spacing_z": 3.299999952316284,
  "summary_bg_k": 73.81739740709635,
  "summary_bg_mad": 47.04189101468233,
  "summary_bg_mean": 354.3138732910156,
  "summary_bg_median": 41.564796447753906,
  "summary_bg_n": 156420.0,
  "summary_bg_p05": 2.6998174071311953,
  "summary_bg_p95": 1866.3269104003882,
  "summary_bg_stdv": 967.0453491210938,
  "summary_fg_k": 1.6420218685478511,
  "summary_fg_mad": 2682.408922734228,
  "summary_fg_mean": 16553.802734375,
  "summary_fg_median": 16288.25390625,
  "summary_fg_n": 33772.0,
  "summary_fg_p05": 12286.6701171875,
  "summary_fg_p95": 21555.24423828125,
  "summary_fg_stdv": 2944.395751953125,
  "tsnr": 41.50441360473633
}