{
  "aor": 0.002055899581589958,
  "aqi": 0.010679062573221758,
  "bids_meta": {
    "AcquisitionNumber": 6,
    "BidsifyVersion": "0.3.5",
    "ConversionSoftware": "dcm2niix",
    "ConversionSoftwareVersion": "v1.0.20181125  GCC6.3.0",
    "EchoTime": 0.02762,
    "EffectiveEchoSpacing": 0.0006333282667071997,
    "ImageComments": "Piop",
    "ImageOrientationPatientDICOM": [
      0.994712,
      -0.033325,
      0.0971462,
      0.0672894,
      0.926062,
      -0.371323
    ],
    "Manufacturer": "Philips",
    "NumberOfVolumesDiscardedByScanner": 2,
    "ParallelAcquisitionTechnique": "SENSE",
    "ParallelReductionFactorInPlane": 2,
    "PatientPosition": "HFS",
    "PhaseEncodingDirection": "j",
    "PhilipsRescaleIntercept": 0,
    "PhilipsRescaleSlope": 0.84664,
    "PhilipsScaleSlope": 0.0827481,
    "ProtocolName": "WIPpioprsSENSE",
    "PulseSequenceType": "gradient echo EPI",
    "ReconMatrixPE": 80,
    "RepetitionTime": 0.75,
    "SeriesDescription": "ImageMRSERIES",
    "SeriesNumber": 6,
    "SliceEncodingDirection": "k",
    "SliceTiming": [
      0.0,
      0.06755050505050506,
      0.1351010101010101,
      0.20265151515151517,
      0.2702020202020202,
      0.3377525252525253,
      0.40530303030303033,
      0.47285353535353536,
      0.5404040404040404,
      0.6079545454545455,
      0.6755050505050506,
      0.7430555555555556,
      0.0,
      0.06755050505050506,
      0.1351010101010101,
      0.20265151515151517,
      0.2702020202020202,
      0.3377525252525253,
      0.40530303030303033,
      0.47285353535353536,
      0.5404040404040404,
      0.6079545454545455,
      0.6755050505050506,
      0.7430555555555556,
      0.0,
      0.06755050505050506,
      0.1351010101010101,
      0.20265151515151517,
      0.2702020202020202,
      0.3377525252525253,
      0.40530303030303033,
      0.47285353535353536,
      0.5404040404040404,
      0.6079545454545455,
      0.6755050505050506,
      0.7430555555555556
    ],
    "TaskName": "restingstate",
    "TotalReadoutTime": 0.024699802401580786,
    "UsePhilipsFloatNotDisplayScaling": 1,
    "acq_id": "mb3",
    "dataset": "ds002785",
    "modality": "bold",
    "subject_id": "0158",
    "task_id": "restingstate"
  },
  "dummy_trs": 2,
  "dvars_nstd": 30.517649644423503,
  "dvars_std": 1.1279123252620542,
  "dvars_vstd": 1.0291442993501054,
  "efc": 0.4884297354906101,
  "fber": 109747.234375,
  "fd_mean": 0.12309675645574132,
  "fd_num": 42,
  "fd_perc": 8.786610878661088,
  "fwhm_avg": 1.8356640487519602,
  "fwhm_x": 1.8547066666666667,
  "fwhm_y": 1.9191066666666667,
  "fwhm_z": 1.7331788129225474,
  "gcor": 0.0586641,
  "gsr_x": -0.014659121632575989,
  "gsr_y": 0.01915750280022621,
  "provenance": {
    "md5sum": "2a36458571ae6872f1a795c28cd34a7a",
    "settings": {
      "fd_thres": 0.2,
      "testing": false
    },
    "software": "mriqc",
    "version": "22.0.0rc1",
    "webapi_port": null,
    "webapi_url": "https://mriqc.nimh.nih.gov/api/v1"
  },
  "size_t": 478,
  "size_x": 80,
  "size_y": 80,
  "size_z": 36,
  "snr": 6.158996075496469,
  "spacing_tr": 0.75,
  "spacing_x": 3.0,
  "spacing_y": 3.0,
  "spacing_z": 3.299999952316284,
  "summary_bg_k": 17.288613752765635,
  "summary_bg_mad": 55.82877531799417,
  "summary_bg_mean": 701.4430541992188,
  "summary_bg_median": 50.268821716308594,
  "summary_bg_n": 146160.0,
  "summary_bg_p05": 4.796501088142396,
  "summary_bg_p95": 4374.6144042968735,
  "summary_bg_stdv": 1723.9193115234375,
  "summary_fg_k": 0.8670024069670292,
  "summary_fg_mad": 2734.7756203319036,
  "summary_fg_mean": 17315.353515625,
  "summary_fg_median": 17242.88671875,
  "summary_fg_n": 42198.0,
  "summary_fg_p05": 12949.93759765625,
  "summary_fg_p95": 21900.8203125,
  "summary_fg_stdv": 2799.593017578125,
  "tsnr": 44.797088623046875
}