{
  "aor": 0.00347725,
  "aqi": 0.00416535105,
  "bids_meta": {
    "AcquisitionNumber": 9,
    "BidsifyVersion": "0.3.5",
    "ConversionSoftware": "dcm2niix",
    "ConversionSoftwareVersion": "v1.0.20181125  GCC6.3.0",
    "EchoTime": 0.02762,
    "EffectiveEchoSpacing": 0.0006621159151938905,
    "ImageComments": "Piop",
    "ImageOrientationPatientDICOM": [
      0.994712,
      -0.033325,
      0.0971462,
      0.0672894,
      0.926062,
      -0.371323
    ],
    "Manufacturer": "Philips",
    "NumberOfVolumesDiscardedByScanner": 2,
    "ParallelAcquisitionTechnique": "SENSE",
    "ParallelReductionFactorInPlane": 2,
    "PatientPosition": "HFS",
    "PhaseEncodingDirection": "j",
    "PhilipsRescaleIntercept": 0,
    "PhilipsRescaleSlope": 0.81538,
    "PhilipsScaleSlope": 0.0606005,
    "ProtocolName": "WIPpiopanticipatieSENSE",
    "PulseSequenceType": "gradient echo EPI",
    "ReconMatrixPE": 80,
    "RepetitionTime": 2,
    "SeriesDescription": "ImageMRSERIES",
    "SeriesNumber": 9,
    "SliceEncodingDirection": "k",
    "SliceTiming": [
      0.0,
      0.0541,
      0.1081,
      0.1622,
      0.2162,
      0.2703,
      0.3243,
      0.3784,
      0.4324,
      0.4865,
      0.5405,
      0.5946,
      0.6486,
      0.7027,
      0.7568,
      0.8108,
      0.8649,
      0.9189,
      0.973,
      1.027,
      1.0811,
      1.1351,
      1.1892,
      1.2432,
      1.2973,
      1.3514,
      1.4054,
      1.4595,
      1.5135,
      1.5676,
      1.6216,
      1.6757,
      1.7297,
      1.7838,
      1.8378,
      1.8919,
      1.9459
    ],
    "TaskName": "anticipation",
    "TotalReadoutTime": 0.025822520692561732,
    "UsePhilipsFloatNotDisplayScaling": 1,
    "acq_id": "seq",
    "dataset": "ds002785",
    "modality": "bold",
    "subject_id": "0158",
    "task_id": "anticipation"
  },
  "dummy_trs": 0,
  "dvars_nstd": 27.81748306783919,
  "dvars_std": 1.409738404472361,
  "dvars_vstd": 1.0353094143718589,
  "efc": 0.4805383080907346,
  "fber": 112722.25,
  "fd_mean": 0.10593365692390261,
  "fd_num": 12,
  "fd_perc": 6.0,
  "fwhm_avg": 1.8174013215175169,
  "fwhm_x": 1.8105799999999999,
  "fwhm_y": 1.9004966666666665,
  "fwhm_z": 1.7411272978858847,
  "gcor": 0.0609616,
  "gsr_x": -0.014074087142944336,
  "gsr_y": 0.020443562418222427,
  "provenance": {
    "md5sum": "a40b6b94759af49c70fa1fb2dbf07139",
    "settings": {
      "fd_thres": 0.2,
      "testing": false
    },
    "software": "mriqc",
    "version": "22.0.0rc1",
    "webapi_port": null,
    "webapi_url": "https://mriqc.nimh.nih.gov/api/v1"
  },
  "size_t": 200,
  "size_x": 80,
  "size_y": 80,
  "size_z": 37,
  "snr": 5.159671614813007,
  "spacing_tr": 2.0,
  "spacing_x": 3.0,
  "spacing_y": 3.0,
  "spacing_z": 3.299999952316284,
  "summary_bg_k": 20.12091975728883,
  "summary_bg_mad": 66.286832769698,
  "summary_bg_mean": 899.4683227539062,
  "summary_bg_median": 64.62029266357422,
  "summary_bg_n": 151371.0,
  "summary_bg_p05": 8.148215770721436,
  "summary_bg_p95": 5759.333251953125,
  "summary_bg_stdv": 2257.61376953125,
  "summary_fg_k": 1.9370719612046026,
  "summary_fg_mad": 4079.6319307670115,
  "summary_fg_mean": 22698.4140625,
  "summary_fg_median": 22297.298828125,
  "summary_fg_n": 42607.0,
  "summary_fg_p05": 16604.905859375,
  "summary_fg_p95": 29786.627734374997,
  "summary_fg_stdv": 4321.40625,
  "tsnr": 75.78318786621094
}