{
  "aor": 0.0016960606060606059,
  "aqi": 0.007583130151515152,
  "bids_meta": {
    "AcquisitionNumber": 2,
    "BidsifyVersion": "0.3.5",
    "ConversionSoftware": "dcm2niix",
    "ConversionSoftwareVersion": "v1.0.20181125  GCC6.3.0",
    "EchoTime": 0.02762,
    "EffectiveEchoSpacing": 0.0006333282667071997,
    "ImageComments": "Piop",
    "ImageOrientationPatientDICOM": [
      0.994712,
      -0.033325,
      0.0971462,
      0.0672894,
      0.926062,
      -0.371323
    ],
    "Manufacturer": "Philips",
    "NumberOfVolumesDiscardedByScanner": 2,
    "ParallelAcquisitionTechnique": "SENSE",
    "ParallelReductionFactorInPlane": 2,
    "PatientPosition": "HFS",
    "PhaseEncodingDirection": "j",
    "PhilipsRescaleIntercept": 0,
    "PhilipsRescaleSlope": 0.77485,
    "PhilipsScaleSlope": 0.0908184,
    "ProtocolName": "WIPpiopfacesSENSE",
    "PulseSequenceType": "gradient echo EPI",
    "ReconMatrixPE": 80,
    "RepetitionTime": 0.75,
    "SeriesDescription": "ImageMRSERIES",
    "SeriesNumber": 2,
    "SliceEncodingDirection": "k",
    "SliceTiming": [
      0.0,
      0.06755050505050506,
      0.1351010101010101,
      0.20265151515151517,
      0.2702020202020202,
      0.3377525252525253,
      0.40530303030303033,
      0.47285353535353536,
      0.5404040404040404,
      0.6079545454545455,
      0.6755050505050506,
      0.7430555555555556,
      0.0,
      0.06755050505050506,
      0.1351010101010101,
      0.20265151515151517,
      0.2702020202020202,
      0.3377525252525253,
      0.40530303030303033,
      0.47285353535353536,
      0.5404040404040404,
      0.6079545454545455,
      0.6755050505050506,
      0.7430555555555556,
      0.0,
      0.06755050505050506,
      0.1351010101010101,
      0.20265151515151517,
      0.2702020202020202,
      0.3377525252525253,
      0.40530303030303033,
      0.47285353535353536,
      0.5404040404040404,
      0.6079545454545455,
      0.6755050505050506,
      0.7430555555555556
    ],
    "TaskName": "faces",
    "TotalReadoutTime": 0.024699802401580786,
    "UsePhilipsFloatNotDisplayScaling": 1,
    "acq_id": "mb3",
    "dataset": "ds002785",
    "modality": "bold",
    "subject_id": "0158",
    "task_id": "faces"
  },
  "dummy_trs": 0,
  "dvars_nstd": 25.68972371917933,
  "dvars_std": 1.1196645096960485,
  "dvars_vstd": 1.0283743754407288,
  "efc": 0.4881385875108596,
  "fber": 114289.4296875,
  "fd_mean": 0.13712767226015676,
  "fd_num": 42,
  "fd_perc": 12.727272727272727,
  "fwhm_avg": 2.086520054817012,
  "fwhm_x": 2.153626666666667,
  "fwhm_y": 2.2091,
  "fwhm_z": 1.8968334977843686,
  "gcor": 0.101827,
  "gsr_x": -0.015201903879642487,
  "gsr_y": 0.018990159034729004,
  "provenance": {
    "md5sum": "39f2fa6ce96793ab4a93fbfbeb44d105",
    "settings": {
      "fd_thres": 0.2,
      "testing": false
    },
    "software": "mriqc",
    "version": "22.0.0rc1",
    "webapi_port": null,
    "webapi_url": "https://mriqc.nimh.nih.gov/api/v1"
  },
  "size_t": 330,
  "size_x": 80,
  "size_y": 80,
  "size_z": 36,
  "snr": 6.090432393729488,
  "spacing_tr": 0.75,
  "spacing_x": 3.0,
  "spacing_y": 3.0,
  "spacing_z": 3.299999713897705,
  "summary_bg_k": 17.119723056158367,
  "summary_bg_mad": 55.77405733421898,
  "summary_bg_mean": 692.798095703125,
  "summary_bg_median": 51.72907257080078,
  "summary_bg_n": 146146.0,
  "summary_bg_p05": 6.46641731262207,
  "summary_bg_p95": 4154.73583984375,
  "summary_bg_stdv": 1685.7398681640625,
  "summary_fg_k": 0.4687510245554418,
  "summary_fg_mad": 2915.815250607236,
  "summary_fg_mean": 18029.341796875,
  "summary_fg_median": 17928.873046875,
  "summary_fg_n": 42334.0,
  "summary_fg_p05": 13386.301025390625,
  "summary_fg_p95": 22889.233496093748,
  "summary_fg_stdv": 2943.741943359375,
  "tsnr": 52.083805084228516
}