{
  "aor": 0.0011507407407407408,
  "aqi": 0.0032170064444444445,
  "bids_meta": {
    "AcquisitionNumber": 5,
    "BidsifyVersion": "0.3.5",
    "ConversionSoftware": "dcm2niix",
    "ConversionSoftwareVersion": "v1.0.20181125  GCC6.3.0",
    "EchoTime": 0.02762,
    "EffectiveEchoSpacing": 0.0006621159151938905,
    "ImageComments": "Piop",
    "ImageOrientationPatientDICOM": [
      0.994712,
      -0.033325,
      0.0971462,
      0.0672894,
      0.926062,
      -0.371323
    ],
    "Manufacturer": "Philips",
    "NumberOfVolumesDiscardedByScanner": 2,
    "ParallelAcquisitionTechnique": "SENSE",
    "ParallelReductionFactorInPlane": 2,
    "PatientPosition": "HFS",
    "PhaseEncodingDirection": "j",
    "PhilipsRescaleIntercept": 0,
    "PhilipsRescaleSlope": 0.8127,
    "PhilipsScaleSlope": 0.0578086,
    "ProtocolName": "WIPpiopharririSENSE",
    "PulseSequenceType": "gradient echo EPI",
    "ReconMatrixPE": 80,
    "RepetitionTime": 2,
    "SeriesDescription": "ImageMRSERIES",
    "SeriesNumber": 5,
    "SliceEncodingDirection": "k",
    "SliceTiming": [
      0.0,
      0.0541,
      0.1081,
      0.1622,
      0.2162,
      0.2703,
      0.3243,
      0.3784,
      0.4324,
      0.4865,
      0.5405,
      0.5946,
      0.6486,
      0.7027,
      0.7568,
      0.8108,
      0.8649,
      0.9189,
      0.973,
      1.027,
      1.0811,
      1.1351,
      1.1892,
      1.2432,
      1.2973,
      1.3514,
      1.4054,
      1.4595,
      1.5135,
      1.5676,
      1.6216,
      1.6757,
      1.7297,
      1.7838,
      1.8378,
      1.8919,
      1.9459
    ],
    "TaskName": "emomatching",
    "TotalReadoutTime": 0.025822520692561732,
    "UsePhilipsFloatNotDisplayScaling": 1,
    "acq_id": "seq",
    "dataset": "ds002785",
    "modality": "bold",
    "subject_id": "0158",
    "task_id": "emomatching"
  },
  "dummy_trs": 0,
  "dvars_nstd": 28.939846409104497,
  "dvars_std": 1.481662695447761,
  "dvars_vstd": 1.012067472313433,
  "efc": 0.47928645268329306,
  "fber": 113964.4921875,
  "fd_mean": 0.08426895211565041,
  "fd_num": 1,
  "fd_perc": 0.7407407407407407,
  "fwhm_avg": 1.8528279883349414,
  "fwhm_x": 1.8431933333333335,
  "fwhm_y": 1.9428633333333334,
  "fwhm_z": 1.7724272983381575,
  "gcor": 0.0363368,
  "gsr_x": -0.014309301041066647,
  "gsr_y": 0.020628057420253754,
  "provenance": {
    "md5sum": "864764e92eeeb8710ffa8360cae9723b",
    "settings": {
      "fd_thres": 0.2,
      "testing": false
    },
    "software": "mriqc",
    "version": "22.0.0rc1",
    "webapi_port": null,
    "webapi_url": "https://mriqc.nimh.nih.gov/api/v1"
  },
  "size_t": 135,
  "size_x": 80,
  "size_y": 80,
  "size_z": 37,
  "snr": 5.02342475822202,
  "spacing_tr": 2.0,
  "spacing_x": 3.0,
  "spacing_y": 3.0,
  "spacing_z": 3.299999952316284,
  "summary_bg_k": 20.935303180401114,
  "summary_bg_mad": 68.69159056081342,
  "summary_bg_mean": 920.3206787109375,
  "summary_bg_median": 66.59957122802734,
  "summary_bg_n": 151320.0,
  "summary_bg_p05": 8.320913505554202,
  "summary_bg_p95": 5860.346289062497,
  "summary_bg_stdv": 2329.7021484375,
  "summary_fg_k": 1.9014162933287126,
  "summary_fg_mad": 4358.86500094376,
  "summary_fg_mean": 23553.44140625,
  "summary_fg_median": 23110.720703125,
  "summary_fg_n": 42618.0,
  "summary_fg_p05": 17040.9865234375,
  "summary_fg_p95": 31188.56298828125,
  "summary_fg_stdv": 4600.53662109375,
  "tsnr": 82.72653198242188
}