{
  "aor": 0.002147551020408163,
  "aqi": 0.004155579795918368,
  "bids_meta": {
    "AcquisitionNumber": 3,
    "BidsifyVersion": "0.3.5",
    "ConversionSoftware": "dcm2niix",
    "ConversionSoftwareVersion": "v1.0.20181125  GCC6.3.0",
    "EchoTime": 0.02762,
    "EffectiveEchoSpacing": 0.0006621159151938905,
    "ImageComments": "Piop",
    "ImageOrientationPatientDICOM": [
      0.994712,
      -0.033325,
      0.0971462,
      0.0672894,
      0.926062,
      -0.371323
    ],
    "Manufacturer": "Philips",
    "NumberOfVolumesDiscardedByScanner": 2,
    "ParallelAcquisitionTechnique": "SENSE",
    "ParallelReductionFactorInPlane": 2,
    "PatientPosition": "HFS",
    "PhaseEncodingDirection": "j",
    "PhilipsRescaleIntercept": 0,
    "PhilipsRescaleSlope": 0.82613,
    "PhilipsScaleSlope": 0.0554686,
    "ProtocolName": "WIPpiopgstroopSENSE",
    "PulseSequenceType": "gradient echo EPI",
    "ReconMatrixPE": 80,
    "RepetitionTime": 2,
    "SeriesDescription": "ImageMRSERIES",
    "SeriesNumber": 3,
    "SliceEncodingDirection": "k",
    "SliceTiming": [
      0.0,
      0.0541,
      0.1081,
      0.1622,
      0.2162,
      0.2703,
      0.3243,
      0.3784,
      0.4324,
      0.4865,
      0.5405,
      0.5946,
      0.6486,
      0.7027,
      0.7568,
      0.8108,
      0.8649,
      0.9189,
      0.973,
      1.027,
      1.0811,
      1.1351,
      1.1892,
      1.2432,
      1.2973,
      1.3514,
      1.4054,
      1.4595,
      1.5135,
      1.5676,
      1.6216,
      1.6757,
      1.7297,
      1.7838,
      1.8378,
      1.8919,
      1.9459
    ],
    "TaskName": "gstroop",
    "TotalReadoutTime": 0.025822520692561732,
    "UsePhilipsFloatNotDisplayScaling": 1,
    "acq_id": "seq",
    "dataset": "ds002785",
    "modality": "bold",
    "subject_id": "0158",
    "task_id": "gstroop"
  },
  "dummy_trs": 0,
  "dvars_nstd": 28.74130653959015,
  "dvars_std": 1.433903993688524,
  "dvars_vstd": 1.0241509326229505,
  "efc": 0.4787474469950382,
  "fber": 119994.796875,
  "fd_mean": 0.10061561285382298,
  "fd_num": 8,
  "fd_perc": 3.2653061224489797,
  "fwhm_avg": 1.7740248566629486,
  "fwhm_x": 1.7685966666666666,
  "fwhm_y": 1.8555566666666667,
  "fwhm_z": 1.6979212366555132,
  "gcor": 0.125057,
  "gsr_x": -0.013190721161663532,
  "gsr_y": 0.01977255754172802,
  "provenance": {
    "md5sum": "94227800907379c610f07c5c9de195c9",
    "settings": {
      "fd_thres": 0.2,
      "testing": false
    },
    "software": "mriqc",
    "version": "22.0.0rc1",
    "webapi_port": null,
    "webapi_url": "https://mriqc.nimh.nih.gov/api/v1"
  },
  "size_t": 245,
  "size_x": 80,
  "size_y": 80,
  "size_z": 37,
  "snr": 5.286408469537422,
  "spacing_tr": 2.0,
  "spacing_x": 3.0,
  "spacing_y": 3.0,
  "spacing_z": 3.299999952316284,
  "summary_bg_k": 23.256368722387467,
  "summary_bg_mad": 65.76048703809543,
  "summary_bg_mean": 895.6723022460938,
  "summary_bg_median": 65.13630676269531,
  "summary_bg_n": 151304.0,
  "summary_bg_p05": 8.06299982070923,
  "summary_bg_p95": 5650.961425781252,
  "summary_bg_stdv": 2295.771484375,
  "summary_fg_k": 2.0910767967270845,
  "summary_fg_mad": 4134.41292445781,
  "summary_fg_mean": 23580.88671875,
  "summary_fg_median": 23187.830078125,
  "summary_fg_n": 42643.0,
  "summary_fg_p05": 17469.2388671875,
  "summary_fg_p95": 30751.322851562505,
  "summary_fg_stdv": 4386.25927734375,
  "tsnr": 72.91494750976562
}