{
  "aor": 0.000858395061728395,
  "aqi": 0.0036805694444444446,
  "bids_meta": {
    "AcquisitionNumber": 8,
    "BidsifyVersion": "0.3.5",
    "ConversionSoftware": "dcm2niix",
    "ConversionSoftwareVersion": "v1.0.20181125  GCC6.3.0",
    "EchoTime": 0.02762,
    "ImageComments": "Piop",
    "ImageOrientationPatientDICOM": [
      0.999291,
      -0.0252929,
      0.0278995,
      0.0328007,
      0.948557,
      -0.314903
    ],
    "Manufacturer": "Philips",
    "NumberOfVolumesDiscardedByScanner": 2,
    "ParallelAcquisitionTechnique": "SENSE",
    "ParallelReductionFactorInPlane": 2,
    "PatientPosition": "HFS",
    "PhaseEncodingDirection": "j",
    "PhilipsRescaleIntercept": 0,
    "PhilipsRescaleSlope": 0.79463,
    "PhilipsScaleSlope": 0.0648375,
    "ProtocolName": "WIPpiopwmSENSE",
    "PulseSequenceType": "gradient echo EPI",
    "ReconMatrixPE": 80,
    "RepetitionTime": 2,
    "SeriesDescription": "ImageMRSERIES",
    "SeriesNumber": 8,
    "SliceEncodingDirection": "k",
    "TaskName": "workingmemory",
    "UsePhilipsFloatNotDisplayScaling": 1,
    "acq_id": "seq",
    "dataset": "ds002785",
    "modality": "bold",
    "subject_id": "0207",
    "task_id": "workingmemory"
  },
  "dummy_trs": 0,
  "dvars_nstd": 18.49426612515527,
  "dvars_std": 1.200252021863354,
  "dvars_vstd": 1.0040735696273293,
  "efc": 0.4205375084345066,
  "fber": 162659.328125,
  "fd_mean": 0.08569125163267834,
  "fd_num": 3,
  "fd_perc": 1.8518518518518519,
  "fwhm_avg": 1.8546553621316166,
  "fwhm_x": 1.8406533333333333,
  "fwhm_y": 1.9385733333333333,
  "fwhm_z": 1.784739419728184,
  "gcor": 0.023347,
  "gsr_x": -0.014965923503041267,
  "gsr_y": 0.006282071582973003,
  "provenance": {
    "md5sum": "80bcbbc2e919743ee145f4343f8554ad",
    "settings": {
      "fd_thres": 0.2,
      "testing": false
    },
    "software": "mriqc",
    "version": "23.0.1",
    "webapi_port": null,
    "webapi_url": "https://mriqc.nimh.nih.gov/api/v1"
  },
  "size_t": 162,
  "size_x": 80,
  "size_y": 80,
  "size_z": 37,
  "snr": 5.915985949046964,
  "spacing_tr": 2.0,
  "spacing_x": 3.0,
  "spacing_y": 3.0,
  "spacing_z": 3.299999952316284,
  "summary_bg_k": 57.75620964926439,
  "summary_bg_mad": 56.78595297355389,
  "summary_bg_mean": 509.66619873046875,
  "summary_bg_median": 54.110877990722656,
  "summary_bg_n": 161148.0,
  "summary_bg_p05": 3.805268514156342,
  "summary_bg_p95": 2363.778869628906,
  "summary_bg_stdv": 1631.416748046875,
  "summary_fg_k": 2.12991248960052,
  "summary_fg_mad": 3465.4118390168214,
  "summary_fg_mean": 22942.298828125,
  "summary_fg_median": 22581.65625,
  "summary_fg_n": 33998.0,
  "summary_fg_p05": 17364.76376953125,
  "summary_fg_p95": 29222.032519531247,
  "summary_fg_stdv": 3817.0009765625,
  "tsnr": 87.62089538574219
}