{
  "aor": 0.0024934074074074073,
  "aqi": 0.004096319037037037,
  "bids_meta": {
    "AcquisitionNumber": 5,
    "BidsifyVersion": "0.3.5",
    "ConversionSoftware": "dcm2niix",
    "ConversionSoftwareVersion": "v1.0.20181125  GCC6.3.0",
    "EchoTime": 0.02762,
    "ImageComments": "Piop",
    "ImageOrientationPatientDICOM": [
      0.999291,
      -0.0252929,
      0.0278995,
      0.0328007,
      0.948557,
      -0.314903
    ],
    "Manufacturer": "Philips",
    "NumberOfVolumesDiscardedByScanner": 2,
    "ParallelAcquisitionTechnique": "SENSE",
    "ParallelReductionFactorInPlane": 2,
    "PatientPosition": "HFS",
    "PhaseEncodingDirection": "j",
    "PhilipsRescaleIntercept": 0,
    "PhilipsRescaleSlope": 0.79731,
    "PhilipsScaleSlope": 0.0634046,
    "ProtocolName": "WIPpiopharririSENSE",
    "PulseSequenceType": "gradient echo EPI",
    "ReconMatrixPE": 80,
    "RepetitionTime": 2,
    "SeriesDescription": "ImageMRSERIES",
    "SeriesNumber": 5,
    "SliceEncodingDirection": "k",
    "TaskName": "emomatching",
    "UsePhilipsFloatNotDisplayScaling": 1,
    "acq_id": "seq",
    "dataset": "ds002785",
    "modality": "bold",
    "subject_id": "0207",
    "task_id": "emomatching"
  },
  "dummy_trs": 0,
  "dvars_nstd": 19.088426945671635,
  "dvars_std": 1.2334848647761194,
  "dvars_vstd": 1.0174160594029844,
  "efc": 0.4198894853490559,
  "fber": 164659.28125,
  "fd_mean": 0.09455821739039774,
  "fd_num": 6,
  "fd_perc": 4.444444444444445,
  "fwhm_avg": 1.8651935440365985,
  "fwhm_x": 1.83854,
  "fwhm_y": 1.95428,
  "fwhm_z": 1.8027606321097958,
  "gcor": 0.021012,
  "gsr_x": -0.015513335354626179,
  "gsr_y": 0.005734112113714218,
  "provenance": {
    "md5sum": "78bd819069ac0a0718916162194d748b",
    "settings": {
      "fd_thres": 0.2,
      "testing": false
    },
    "software": "mriqc",
    "version": "23.0.1",
    "webapi_port": null,
    "webapi_url": "https://mriqc.nimh.nih.gov/api/v1"
  },
  "size_t": 135,
  "size_x": 80,
  "size_y": 80,
  "size_z": 37,
  "snr": 5.85544381240878,
  "spacing_tr": 2.0,
  "spacing_x": 3.0,
  "spacing_y": 3.0,
  "spacing_z": 3.299999952316284,
  "summary_bg_k": 57.9779339400019,
  "summary_bg_mad": 57.19313779820361,
  "summary_bg_mean": 507.1832275390625,
  "summary_bg_median": 53.79998779296875,
  "summary_bg_n": 161320.0,
  "summary_bg_p05": 3.529230880737305,
  "summary_bg_p95": 2336.863488769531,
  "summary_bg_stdv": 1629.28125,
  "summary_fg_k": 2.154907092314091,
  "summary_fg_mad": 3497.0735043627983,
  "summary_fg_mean": 23047.841796875,
  "summary_fg_median": 22675.212890625,
  "summary_fg_n": 33791.0,
  "summary_fg_p05": 17447.7333984375,
  "summary_fg_p95": 29428.71875,
  "summary_fg_stdv": 3872.44384765625,
  "tsnr": 82.83927154541016
}