{
  "aor": 0.00031633333333333334,
  "aqi": 0.008268228121212121,
  "bids_meta": {
    "AcquisitionNumber": 2,
    "BidsifyVersion": "0.3.5",
    "ConversionSoftware": "dcm2niix",
    "ConversionSoftwareVersion": "v1.0.20181125  GCC6.3.0",
    "EchoTime": 0.02762,
    "ImageComments": "Piop",
    "ImageOrientationPatientDICOM": [
      0.999165,
      0.0310008,
      0.0265928,
      -0.0209295,
      0.947716,
      -0.318428
    ],
    "Manufacturer": "Philips",
    "NumberOfVolumesDiscardedByScanner": 2,
    "ParallelAcquisitionTechnique": "SENSE",
    "ParallelReductionFactorInPlane": 2,
    "PatientPosition": "HFS",
    "PhaseEncodingDirection": "j",
    "PhilipsRescaleIntercept": 0,
    "PhilipsRescaleSlope": 0.77021,
    "PhilipsScaleSlope": 0.099069,
    "ProtocolName": "WIPpiopfacesSENSE",
    "PulseSequenceType": "gradient echo EPI",
    "ReconMatrixPE": 80,
    "RepetitionTime": 0.75,
    "SeriesDescription": "ImageMRSERIES",
    "SeriesNumber": 2,
    "SliceEncodingDirection": "k",
    "TaskName": "faces",
    "UsePhilipsFloatNotDisplayScaling": 1,
    "acq_id": "mb3",
    "dataset": "ds002785",
    "modality": "bold",
    "subject_id": "0207",
    "task_id": "faces"
  },
  "dummy_trs": 0,
  "dvars_nstd": 32.35260250927052,
  "dvars_std": 1.1788566362917932,
  "dvars_vstd": 1.0029182510030394,
  "efc": 0.4259226781136272,
  "fber": 192235.421875,
  "fd_mean": 0.09276398334480514,
  "fd_num": 2,
  "fd_perc": 0.6060606060606061,
  "fwhm_avg": 1.998834453694122,
  "fwhm_x": 2.00115,
  "fwhm_y": 2.074953333333333,
  "fwhm_z": 1.9204000277490332,
  "gcor": 0.0093265,
  "gsr_x": -0.017647236585617065,
  "gsr_y": 0.005444329231977463,
  "provenance": {
    "md5sum": "c5f5fb4eac403351ec0873b83c692012",
    "settings": {
      "fd_thres": 0.2,
      "testing": false
    },
    "software": "mriqc",
    "version": "23.0.1",
    "webapi_port": null,
    "webapi_url": "https://mriqc.nimh.nih.gov/api/v1"
  },
  "size_t": 330,
  "size_x": 80,
  "size_y": 80,
  "size_z": 36,
  "snr": 6.454380220652826,
  "spacing_tr": 0.75,
  "spacing_x": 3.0,
  "spacing_y": 3.0,
  "spacing_z": 3.299999952316284,
  "summary_bg_k": 43.48572009166894,
  "summary_bg_mad": 44.42046523573185,
  "summary_bg_mean": 382.7406311035156,
  "summary_bg_median": 37.77720642089844,
  "summary_bg_n": 155678.0,
  "summary_bg_p05": 1.57101526260376,
  "summary_bg_p95": 1816.1512817382793,
  "summary_bg_stdv": 1139.6612548828125,
  "summary_fg_k": 0.6410069055560128,
  "summary_fg_mad": 2581.8402787903724,
  "summary_fg_mean": 17351.294921875,
  "summary_fg_median": 17334.958984375,
  "summary_fg_n": 33116.0,
  "summary_fg_p05": 13019.156982421875,
  "summary_fg_p95": 21714.15771484375,
  "summary_fg_stdv": 2685.72607421875,
  "tsnr": 50.91720199584961
}