{
  "aor": 0.003915632653061225,
  "aqi": 0.005425967632653061,
  "bids_meta": {
    "AcquisitionNumber": 3,
    "BidsifyVersion": "0.3.5",
    "ConversionSoftware": "dcm2niix",
    "ConversionSoftwareVersion": "v1.0.20181125  GCC6.3.0",
    "EchoTime": 0.02762,
    "ImageComments": "Piop",
    "ImageOrientationPatientDICOM": [
      0.999291,
      -0.0252929,
      0.0278995,
      0.0328007,
      0.948557,
      -0.314903
    ],
    "Manufacturer": "Philips",
    "NumberOfVolumesDiscardedByScanner": 2,
    "ParallelAcquisitionTechnique": "SENSE",
    "ParallelReductionFactorInPlane": 2,
    "PatientPosition": "HFS",
    "PhaseEncodingDirection": "j",
    "PhilipsRescaleIntercept": 0,
    "PhilipsRescaleSlope": 0.77827,
    "PhilipsScaleSlope": 0.0663944,
    "ProtocolName": "WIPpiopgstroopSENSE",
    "PulseSequenceType": "gradient echo EPI",
    "ReconMatrixPE": 80,
    "RepetitionTime": 2,
    "SeriesDescription": "ImageMRSERIES",
    "SeriesNumber": 3,
    "SliceEncodingDirection": "k",
    "TaskName": "gstroop",
    "UsePhilipsFloatNotDisplayScaling": 1,
    "acq_id": "seq",
    "dataset": "ds002785",
    "modality": "bold",
    "subject_id": "0207",
    "task_id": "gstroop"
  },
  "dummy_trs": 0,
  "dvars_nstd": 18.623712438032786,
  "dvars_std": 1.1857767263524583,
  "dvars_vstd": 1.0220196532786892,
  "efc": 0.4201786307848313,
  "fber": 161631.875,
  "fd_mean": 0.09536186328653959,
  "fd_num": 11,
  "fd_perc": 4.489795918367347,
  "fwhm_avg": 1.8563494026031473,
  "fwhm_x": 1.8241800000000001,
  "fwhm_y": 1.9461166666666667,
  "fwhm_z": 1.798751541142775,
  "gcor": 0.0182698,
  "gsr_x": -0.015244635753333569,
  "gsr_y": 0.004414199851453304,
  "provenance": {
    "md5sum": "6c46041ee1b55896db5c0287bf46f9bf",
    "settings": {
      "fd_thres": 0.2,
      "testing": false
    },
    "software": "mriqc",
    "version": "23.0.1",
    "webapi_port": null,
    "webapi_url": "https://mriqc.nimh.nih.gov/api/v1"
  },
  "size_t": 245,
  "size_x": 80,
  "size_y": 80,
  "size_z": 37,
  "snr": 5.985361117680776,
  "spacing_tr": 2.0,
  "spacing_x": 3.0,
  "spacing_y": 3.0,
  "spacing_z": 3.299999952316284,
  "summary_bg_k": 60.00808110915561,
  "summary_bg_mad": 57.22049148789249,
  "summary_bg_mean": 495.82989501953125,
  "summary_bg_median": 53.87671661376953,
  "summary_bg_n": 161073.0,
  "summary_bg_p05": 3.7870580196380614,
  "summary_bg_p95": 2261.028613281249,
  "summary_bg_stdv": 1601.3685302734375,
  "summary_fg_k": 2.4176897431994995,
  "summary_fg_mad": 3353.89669695479,
  "summary_fg_mean": 22794.240234375,
  "summary_fg_median": 22434.859375,
  "summary_fg_n": 33952.0,
  "summary_fg_p05": 17410.115625,
  "summary_fg_p95": 28961.500097656248,
  "summary_fg_stdv": 3748.233154296875,
  "tsnr": 76.42066955566406
}