{
  "aor": 0.00060645,
  "aqi": 0.0034635719,
  "bids_meta": {
    "AcquisitionNumber": 9,
    "BidsifyVersion": "0.3.5",
    "ConversionSoftware": "dcm2niix",
    "ConversionSoftwareVersion": "v1.0.20181125  GCC6.3.0",
    "EchoTime": 0.02762,
    "ImageComments": "Piop",
    "ImageOrientationPatientDICOM": [
      0.999291,
      -0.0252929,
      0.0278995,
      0.0328007,
      0.948557,
      -0.314903
    ],
    "Manufacturer": "Philips",
    "NumberOfVolumesDiscardedByScanner": 2,
    "ParallelAcquisitionTechnique": "SENSE",
    "ParallelReductionFactorInPlane": 2,
    "PatientPosition": "HFS",
    "PhaseEncodingDirection": "j",
    "PhilipsRescaleIntercept": 0,
    "PhilipsRescaleSlope": 0.78071,
    "PhilipsScaleSlope": 0.0669362,
    "ProtocolName": "WIPpiopanticipatieSENSE",
    "PulseSequenceType": "gradient echo EPI",
    "ReconMatrixPE": 80,
    "RepetitionTime": 2,
    "SeriesDescription": "ImageMRSERIES",
    "SeriesNumber": 9,
    "SliceEncodingDirection": "k",
    "TaskName": "anticipation",
    "UsePhilipsFloatNotDisplayScaling": 1,
    "acq_id": "seq",
    "dataset": "ds002785",
    "modality": "bold",
    "subject_id": "0207",
    "task_id": "anticipation"
  },
  "dummy_trs": 0,
  "dvars_nstd": 18.290090551758805,
  "dvars_std": 1.169317188844221,
  "dvars_vstd": 0.9882284696984925,
  "efc": 0.4209082648857357,
  "fber": 162054.59375,
  "fd_mean": 0.0730727957428051,
  "fd_num": 0,
  "fd_perc": 0.0,
  "fwhm_avg": 1.8445819277332889,
  "fwhm_x": 1.82219,
  "fwhm_y": 1.9382133333333333,
  "fwhm_z": 1.7733424498665327,
  "gcor": 0.0158017,
  "gsr_x": -0.01531480997800827,
  "gsr_y": 0.00665004039183259,
  "provenance": {
    "md5sum": "51217016c48d42c6e27230876080a9fb",
    "settings": {
      "fd_thres": 0.2,
      "testing": false
    },
    "software": "mriqc",
    "version": "23.0.1",
    "webapi_port": null,
    "webapi_url": "https://mriqc.nimh.nih.gov/api/v1"
  },
  "size_t": 200,
  "size_x": 80,
  "size_y": 80,
  "size_z": 37,
  "snr": 5.9661482415248965,
  "spacing_tr": 2.0,
  "spacing_x": 3.0,
  "spacing_y": 3.0,
  "spacing_z": 3.299999952316284,
  "summary_bg_k": 58.43206520849571,
  "summary_bg_mad": 55.519421715308084,
  "summary_bg_mean": 507.3354797363281,
  "summary_bg_median": 53.62794494628906,
  "summary_bg_n": 161195.0,
  "summary_bg_p05": 3.6585557222366334,
  "summary_bg_p95": 2363.2479492187485,
  "summary_bg_stdv": 1620.549072265625,
  "summary_fg_k": 2.318750025398905,
  "summary_fg_mad": 3364.484851275036,
  "summary_fg_mean": 22678.060546875,
  "summary_fg_median": 22327.8984375,
  "summary_fg_n": 33976.0,
  "summary_fg_p05": 17254.86865234375,
  "summary_fg_p95": 28802.0830078125,
  "summary_fg_stdv": 3742.3759765625,
  "tsnr": 89.81472778320312
}