{
  "aor": 0.002800208768267223,
  "aqi": 0.01497872839248434,
  "bids_meta": {
    "AcquisitionNumber": 6,
    "BidsifyVersion": "0.3.5",
    "ConversionSoftware": "dcm2niix",
    "ConversionSoftwareVersion": "v1.0.20181125  GCC6.3.0",
    "EchoTime": 0.02762,
    "EffectiveEchoSpacing": 0.0006333282667071997,
    "ImageComments": "PIOP",
    "ImageOrientationPatientDICOM": [
      0.998208,
      0.0577199,
      0.0157569,
      -0.0538863,
      0.98173,
      -0.182492
    ],
    "Manufacturer": "Philips",
    "NumberOfVolumesDiscardedByScanner": 2,
    "ParallelAcquisitionTechnique": "SENSE",
    "ParallelReductionFactorInPlane": 2,
    "PatientPosition": "HFS",
    "PhaseEncodingDirection": "j",
    "PhilipsRescaleIntercept": 0,
    "PhilipsRescaleSlope": 0.75311,
    "PhilipsScaleSlope": 0.0947128,
    "ProtocolName": "WIPpioprsSENSE",
    "PulseSequenceType": "gradient echo EPI",
    "ReconMatrixPE": 80,
    "RepetitionTime": 0.75,
    "SeriesDescription": "ImageMRSERIES",
    "SeriesNumber": 6,
    "SliceEncodingDirection": "k",
    "SliceTiming": [
      0.0,
      0.06755050505050506,
      0.1351010101010101,
      0.20265151515151517,
      0.2702020202020202,
      0.3377525252525253,
      0.40530303030303033,
      0.47285353535353536,
      0.5404040404040404,
      0.6079545454545455,
      0.6755050505050506,
      0.7430555555555556,
      0.0,
      0.06755050505050506,
      0.1351010101010101,
      0.20265151515151517,
      0.2702020202020202,
      0.3377525252525253,
      0.40530303030303033,
      0.47285353535353536,
      0.5404040404040404,
      0.6079545454545455,
      0.6755050505050506,
      0.7430555555555556,
      0.0,
      0.06755050505050506,
      0.1351010101010101,
      0.20265151515151517,
      0.2702020202020202,
      0.3377525252525253,
      0.40530303030303033,
      0.47285353535353536,
      0.5404040404040404,
      0.6079545454545455,
      0.6755050505050506,
      0.7430555555555556
    ],
    "TaskName": "restingstate",
    "TotalReadoutTime": 0.024699802401580786,
    "UsePhilipsFloatNotDisplayScaling": 1,
    "acq_id": "mb3",
    "dataset": "ds002785",
    "modality": "bold",
    "subject_id": "0053",
    "task_id": "restingstate"
  },
  "dummy_trs": 1,
  "dvars_nstd": 25.960636649874473,
  "dvars_std": 1.070348173158996,
  "dvars_vstd": 1.0291876728033476,
  "efc": 0.42475722115393855,
  "fber": 206729.28125,
  "fd_mean": 0.07070257683092822,
  "fd_num": 0,
  "fd_perc": 0.0,
  "fwhm_avg": 1.7933299069063737,
  "fwhm_x": 1.7857266666666665,
  "fwhm_y": 1.95066,
  "fwhm_z": 1.6436030540524549,
  "gcor": 0.0187872,
  "gsr_x": -0.02206147462129593,
  "gsr_y": 0.018559610471129417,
  "provenance": {
    "md5sum": "f5f1936094b0fde60adf90df3873cb7d",
    "settings": {
      "fd_thres": 0.2,
      "testing": false
    },
    "software": "mriqc",
    "version": "22.0.0rc1",
    "webapi_port": null,
    "webapi_url": "https://mriqc.nimh.nih.gov/api/v1"
  },
  "size_t": 479,
  "size_x": 80,
  "size_y": 80,
  "size_z": 36,
  "snr": 7.154277721560276,
  "spacing_tr": 0.75,
  "spacing_x": 3.0,
  "spacing_y": 3.0,
  "spacing_z": 3.299999952316284,
  "summary_bg_k": 48.75227487578996,
  "summary_bg_mad": 41.83331286927276,
  "summary_bg_mean": 441.6475830078125,
  "summary_bg_median": 36.059181213378906,
  "summary_bg_n": 157432.0,
  "summary_bg_p05": 1.4301708340644836,
  "summary_bg_p95": 2644.753002929677,
  "summary_bg_stdv": 1318.63916015625,
  "summary_fg_k": 1.2631726092760083,
  "summary_fg_mad": 2204.5484191090054,
  "summary_fg_mean": 16764.513671875,
  "summary_fg_median": 16654.8984375,
  "summary_fg_n": 32636.0,
  "summary_fg_p05": 13253.349853515625,
  "summary_fg_p95": 20622.43115234375,
  "summary_fg_stdv": 2327.927978515625,
  "tsnr": 44.401004791259766
}