{
  "aor": 0.0019905185185185186,
  "aqi": 0.0064566514814814804,
  "bids_meta": {
    "AcquisitionNumber": 5,
    "BidsifyVersion": "0.3.5",
    "ConversionSoftware": "dcm2niix",
    "ConversionSoftwareVersion": "v1.0.20181125  GCC6.3.0",
    "EchoTime": 0.02762,
    "EffectiveEchoSpacing": 0.0006621159151938905,
    "ImageComments": "PIOP",
    "ImageOrientationPatientDICOM": [
      0.997967,
      0.0608935,
      -0.018816,
      -0.0633114,
      0.981113,
      -0.182784
    ],
    "Manufacturer": "Philips",
    "NumberOfVolumesDiscardedByScanner": 2,
    "ParallelAcquisitionTechnique": "SENSE",
    "ParallelReductionFactorInPlane": 2,
    "PatientPosition": "HFS",
    "PhaseEncodingDirection": "j",
    "PhilipsRescaleIntercept": 0,
    "PhilipsRescaleSlope": 0.78217,
    "PhilipsScaleSlope": 0.0585442,
    "ProtocolName": "WIPpiopharririSENSE",
    "PulseSequenceType": "gradient echo EPI",
    "ReconMatrixPE": 80,
    "RepetitionTime": 2,
    "SeriesDescription": "ImageMRSERIES",
    "SeriesNumber": 5,
    "SliceEncodingDirection": "k",
    "SliceTiming": [
      0.0,
      0.0541,
      0.1081,
      0.1622,
      0.2162,
      0.2703,
      0.3243,
      0.3784,
      0.4324,
      0.4865,
      0.5405,
      0.5946,
      0.6486,
      0.7027,
      0.7568,
      0.8108,
      0.8649,
      0.9189,
      0.973,
      1.027,
      1.0811,
      1.1351,
      1.1892,
      1.2432,
      1.2973,
      1.3514,
      1.4054,
      1.4595,
      1.5135,
      1.5676,
      1.6216,
      1.6757,
      1.7297,
      1.7838,
      1.8378,
      1.8919,
      1.9459
    ],
    "TaskName": "emomatching",
    "TotalReadoutTime": 0.025822520692561732,
    "UsePhilipsFloatNotDisplayScaling": 1,
    "acq_id": "seq",
    "dataset": "ds002785",
    "modality": "bold",
    "subject_id": "0053",
    "task_id": "emomatching"
  },
  "dummy_trs": 0,
  "dvars_nstd": 19.547791274328354,
  "dvars_std": 1.167889034477612,
  "dvars_vstd": 0.9769956976119405,
  "efc": 0.4165578261200667,
  "fber": 173256.921875,
  "fd_mean": 0.12863362835763606,
  "fd_num": 14,
  "fd_perc": 10.37037037037037,
  "fwhm_avg": 1.8759380893667021,
  "fwhm_x": 1.8360833333333335,
  "fwhm_y": 2.0148066666666664,
  "fwhm_z": 1.7769242681001067,
  "gcor": 0.0275449,
  "gsr_x": -0.02266785502433777,
  "gsr_y": 0.01954278163611889,
  "provenance": {
    "md5sum": "799cabc55a23620d1691629aefc2e20a",
    "settings": {
      "fd_thres": 0.2,
      "testing": false
    },
    "software": "mriqc",
    "version": "22.0.0rc1",
    "webapi_port": null,
    "webapi_url": "https://mriqc.nimh.nih.gov/api/v1"
  },
  "size_t": 135,
  "size_x": 80,
  "size_y": 80,
  "size_z": 37,
  "snr": 5.270462619024806,
  "spacing_tr": 2.0,
  "spacing_x": 3.0,
  "spacing_y": 3.0,
  "spacing_z": 3.299999952316284,
  "summary_bg_k": 57.87385747522517,
  "summary_bg_mad": 58.715594877047536,
  "summary_bg_mean": 586.9244384765625,
  "summary_bg_median": 52.90947723388672,
  "summary_bg_n": 162934.0,
  "summary_bg_p05": 2.3525389432907104,
  "summary_bg_p95": 3519.0199218750013,
  "summary_bg_stdv": 1806.9234619140625,
  "summary_fg_k": 1.6325196155618267,
  "summary_fg_mad": 3951.7632808358194,
  "summary_fg_mean": 23135.05859375,
  "summary_fg_median": 22653.10546875,
  "summary_fg_n": 33006.0,
  "summary_fg_p05": 17078.53564453125,
  "summary_fg_p95": 30545.6953125,
  "summary_fg_stdv": 4298.0595703125,
  "tsnr": 67.77812194824219
}