{
  "aor": 0.000337969696969697,
  "aqi": 0.00979039090909091,
  "bids_meta": {
    "AcquisitionNumber": 2,
    "BidsifyVersion": "0.3.5",
    "ConversionSoftware": "dcm2niix",
    "ConversionSoftwareVersion": "v1.0.20181125  GCC6.3.0",
    "EchoTime": 0.02762,
    "EffectiveEchoSpacing": 0.0006333282667071997,
    "ImageComments": "PIOP",
    "ImageOrientationPatientDICOM": [
      0.998208,
      0.0577199,
      0.0157569,
      -0.0538863,
      0.98173,
      -0.182492
    ],
    "Manufacturer": "Philips",
    "NumberOfVolumesDiscardedByScanner": 2,
    "ParallelAcquisitionTechnique": "SENSE",
    "ParallelReductionFactorInPlane": 2,
    "PatientPosition": "HFS",
    "PhaseEncodingDirection": "j",
    "PhilipsRescaleIntercept": 0,
    "PhilipsRescaleSlope": 0.74261,
    "PhilipsScaleSlope": 0.0997667,
    "ProtocolName": "WIPpiopfacesSENSE",
    "PulseSequenceType": "gradient echo EPI",
    "ReconMatrixPE": 80,
    "RepetitionTime": 0.75,
    "SeriesDescription": "ImageMRSERIES",
    "SeriesNumber": 2,
    "SliceEncodingDirection": "k",
    "SliceTiming": [
      0.0,
      0.06755050505050506,
      0.1351010101010101,
      0.20265151515151517,
      0.2702020202020202,
      0.3377525252525253,
      0.40530303030303033,
      0.47285353535353536,
      0.5404040404040404,
      0.6079545454545455,
      0.6755050505050506,
      0.7430555555555556,
      0.0,
      0.06755050505050506,
      0.1351010101010101,
      0.20265151515151517,
      0.2702020202020202,
      0.3377525252525253,
      0.40530303030303033,
      0.47285353535353536,
      0.5404040404040404,
      0.6079545454545455,
      0.6755050505050506,
      0.7430555555555556,
      0.0,
      0.06755050505050506,
      0.1351010101010101,
      0.20265151515151517,
      0.2702020202020202,
      0.3377525252525253,
      0.40530303030303033,
      0.47285353535353536,
      0.5404040404040404,
      0.6079545454545455,
      0.6755050505050506,
      0.7430555555555556
    ],
    "TaskName": "faces",
    "TotalReadoutTime": 0.024699802401580786,
    "UsePhilipsFloatNotDisplayScaling": 1,
    "acq_id": "mb3",
    "dataset": "ds002785",
    "modality": "bold",
    "subject_id": "0053",
    "task_id": "faces"
  },
  "dummy_trs": 0,
  "dvars_nstd": 27.706529321610958,
  "dvars_std": 1.0896953972948336,
  "dvars_vstd": 1.0024611929483287,
  "efc": 0.4244290000018939,
  "fber": 223273.28125,
  "fd_mean": 0.06588285534580562,
  "fd_num": 1,
  "fd_perc": 0.30303030303030304,
  "fwhm_avg": 1.8180856648645352,
  "fwhm_x": 1.79052,
  "fwhm_y": 1.94074,
  "fwhm_z": 1.7229969945936057,
  "gcor": 0.0109416,
  "gsr_x": -0.022909166291356087,
  "gsr_y": 0.01626146212220192,
  "provenance": {
    "md5sum": "c05c5754f43d3930eadd99628de58216",
    "settings": {
      "fd_thres": 0.2,
      "testing": false
    },
    "software": "mriqc",
    "version": "22.0.0rc1",
    "webapi_port": null,
    "webapi_url": "https://mriqc.nimh.nih.gov/api/v1"
  },
  "size_t": 330,
  "size_x": 80,
  "size_y": 80,
  "size_z": 36,
  "snr": 6.965211147238644,
  "spacing_tr": 0.75,
  "spacing_x": 3.0,
  "spacing_y": 3.0,
  "spacing_z": 3.299999952316284,
  "summary_bg_k": 46.10894407713935,
  "summary_bg_mad": 41.52243294031668,
  "summary_bg_mean": 445.02777099609375,
  "summary_bg_median": 35.82228088378906,
  "summary_bg_n": 157363.0,
  "summary_bg_p05": 1.1670438885688783,
  "summary_bg_p95": 2623.6051269531226,
  "summary_bg_stdv": 1335.8656005859375,
  "summary_fg_k": 1.18101496631291,
  "summary_fg_mad": 2317.1762367617803,
  "summary_fg_mean": 17384.693359375,
  "summary_fg_median": 17272.4609375,
  "summary_fg_n": 32672.0,
  "summary_fg_p05": 13618.113623046875,
  "summary_fg_p95": 21546.615820312498,
  "summary_fg_stdv": 2479.78076171875,
  "tsnr": 51.73412322998047
}