{
  "aor": 0.0015678775510204082,
  "aqi": 0.015616739346938777,
  "bids_meta": {
    "AcquisitionNumber": 3,
    "BidsifyVersion": "0.3.5",
    "ConversionSoftware": "dcm2niix",
    "ConversionSoftwareVersion": "v1.0.20181125  GCC6.3.0",
    "EchoTime": 0.02762,
    "EffectiveEchoSpacing": 0.0006621159151938905,
    "ImageComments": "PIOP",
    "ImageOrientationPatientDICOM": [
      0.997967,
      0.0608935,
      -0.018816,
      -0.0633114,
      0.981113,
      -0.182784
    ],
    "Manufacturer": "Philips",
    "NumberOfVolumesDiscardedByScanner": 2,
    "ParallelAcquisitionTechnique": "SENSE",
    "ParallelReductionFactorInPlane": 2,
    "PatientPosition": "HFS",
    "PhaseEncodingDirection": "j",
    "PhilipsRescaleIntercept": 0,
    "PhilipsRescaleSlope": 0.75385,
    "PhilipsScaleSlope": 0.0578154,
    "ProtocolName": "WIPpiopgstroopSENSE",
    "PulseSequenceType": "gradient echo EPI",
    "ReconMatrixPE": 80,
    "RepetitionTime": 2,
    "SeriesDescription": "ImageMRSERIES",
    "SeriesNumber": 3,
    "SliceEncodingDirection": "k",
    "SliceTiming": [
      0.0,
      0.0541,
      0.1081,
      0.1622,
      0.2162,
      0.2703,
      0.3243,
      0.3784,
      0.4324,
      0.4865,
      0.5405,
      0.5946,
      0.6486,
      0.7027,
      0.7568,
      0.8108,
      0.8649,
      0.9189,
      0.973,
      1.027,
      1.0811,
      1.1351,
      1.1892,
      1.2432,
      1.2973,
      1.3514,
      1.4054,
      1.4595,
      1.5135,
      1.5676,
      1.6216,
      1.6757,
      1.7297,
      1.7838,
      1.8378,
      1.8919,
      1.9459
    ],
    "TaskName": "gstroop",
    "TotalReadoutTime": 0.025822520692561732,
    "UsePhilipsFloatNotDisplayScaling": 1,
    "acq_id": "seq",
    "dataset": "ds002785",
    "modality": "bold",
    "subject_id": "0053",
    "task_id": "gstroop"
  },
  "dummy_trs": 0,
  "dvars_nstd": 20.17671536651639,
  "dvars_std": 1.05230501045082,
  "dvars_vstd": 0.9004371197950818,
  "efc": 0.41734961108370855,
  "fber": 171189.625,
  "fd_mean": 0.12720604326766866,
  "fd_num": 22,
  "fd_perc": 8.979591836734693,
  "fwhm_avg": 1.8382471800617493,
  "fwhm_x": 1.79755,
  "fwhm_y": 1.9847066666666666,
  "fwhm_z": 1.7324848735185807,
  "gcor": 0.0187058,
  "gsr_x": -0.022770332172513008,
  "gsr_y": 0.0188714899122715,
  "provenance": {
    "md5sum": "1e4f71f3ed2f441da03dc056c901401d",
    "settings": {
      "fd_thres": 0.2,
      "testing": false
    },
    "software": "mriqc",
    "version": "22.0.0rc1",
    "webapi_port": null,
    "webapi_url": "https://mriqc.nimh.nih.gov/api/v1"
  },
  "size_t": 245,
  "size_x": 80,
  "size_y": 80,
  "size_z": 37,
  "snr": 5.483762551601981,
  "spacing_tr": 2.0,
  "spacing_x": 3.0,
  "spacing_y": 3.0,
  "spacing_z": 3.299999952316284,
  "summary_bg_k": 63.26141620065161,
  "summary_bg_mad": 57.93031096901711,
  "summary_bg_mean": 584.2869873046875,
  "summary_bg_median": 53.44831848144531,
  "summary_bg_n": 162890.0,
  "summary_bg_p05": 3.0765473127365115,
  "summary_bg_p95": 3464.9444458007797,
  "summary_bg_stdv": 1808.5283203125,
  "summary_fg_k": 2.019191555491796,
  "summary_fg_mad": 3749.9252317432674,
  "summary_fg_mean": 23121.53515625,
  "summary_fg_median": 22660.9453125,
  "summary_fg_n": 32984.0,
  "summary_fg_p05": 17348.29287109375,
  "summary_fg_p95": 30248.992968749997,
  "summary_fg_stdv": 4132.30908203125,
  "tsnr": 49.110435485839844
}