{
  "aor": 0.0013310493827160493,
  "aqi": 0.005504142592592592,
  "bids_meta": {
    "AcquisitionNumber": 8,
    "BidsifyVersion": "0.3.5",
    "ConversionSoftware": "dcm2niix",
    "ConversionSoftwareVersion": "v1.0.20181125  GCC6.3.0",
    "EchoTime": 0.02762,
    "EffectiveEchoSpacing": 0.0006621159151938905,
    "ImageComments": "PIOP",
    "ImageOrientationPatientDICOM": [
      0.997967,
      0.0608935,
      -0.018816,
      -0.0633114,
      0.981113,
      -0.182784
    ],
    "Manufacturer": "Philips",
    "NumberOfVolumesDiscardedByScanner": 2,
    "ParallelAcquisitionTechnique": "SENSE",
    "ParallelReductionFactorInPlane": 2,
    "PatientPosition": "HFS",
    "PhaseEncodingDirection": "j",
    "PhilipsRescaleIntercept": 0,
    "PhilipsRescaleSlope": 0.78803,
    "PhilipsScaleSlope": 0.0592909,
    "ProtocolName": "WIPpiopwmSENSE",
    "PulseSequenceType": "gradient echo EPI",
    "ReconMatrixPE": 80,
    "RepetitionTime": 2,
    "SeriesDescription": "ImageMRSERIES",
    "SeriesNumber": 8,
    "SliceEncodingDirection": "k",
    "SliceTiming": [
      0.0,
      0.0541,
      0.1081,
      0.1622,
      0.2162,
      0.2703,
      0.3243,
      0.3784,
      0.4324,
      0.4865,
      0.5405,
      0.5946,
      0.6486,
      0.7027,
      0.7568,
      0.8108,
      0.8649,
      0.9189,
      0.973,
      1.027,
      1.0811,
      1.1351,
      1.1892,
      1.2432,
      1.2973,
      1.3514,
      1.4054,
      1.4595,
      1.5135,
      1.5676,
      1.6216,
      1.6757,
      1.7297,
      1.7838,
      1.8378,
      1.8919,
      1.9459
    ],
    "TaskName": "workingmemory",
    "TotalReadoutTime": 0.025822520692561732,
    "UsePhilipsFloatNotDisplayScaling": 1,
    "acq_id": "seq",
    "dataset": "ds002785",
    "modality": "bold",
    "subject_id": "0053",
    "task_id": "workingmemory"
  },
  "dummy_trs": 0,
  "dvars_nstd": 21.02055441248445,
  "dvars_std": 1.193380337577639,
  "dvars_vstd": 1.0009669162732922,
  "efc": 0.41629296533320176,
  "fber": 171369.859375,
  "fd_mean": 0.13806483573248882,
  "fd_num": 19,
  "fd_perc": 11.728395061728396,
  "fwhm_avg": 1.8901512208720426,
  "fwhm_x": 1.8402333333333332,
  "fwhm_y": 2.01339,
  "fwhm_z": 1.8168303292827943,
  "gcor": 0.0249976,
  "gsr_x": -0.02235015481710434,
  "gsr_y": 0.019908588379621506,
  "provenance": {
    "md5sum": "7bbf8180ff48e26931259ea9073f8f20",
    "settings": {
      "fd_thres": 0.2,
      "testing": false
    },
    "software": "mriqc",
    "version": "22.0.0rc1",
    "webapi_port": null,
    "webapi_url": "https://mriqc.nimh.nih.gov/api/v1"
  },
  "size_t": 162,
  "size_x": 80,
  "size_y": 80,
  "size_z": 37,
  "snr": 5.247426985146066,
  "spacing_tr": 2.0,
  "spacing_x": 3.0,
  "spacing_y": 3.0,
  "spacing_z": 3.299999952316284,
  "summary_bg_k": 53.37254493626549,
  "summary_bg_mad": 55.64090003657915,
  "summary_bg_mean": 582.2907104492188,
  "summary_bg_median": 51.743919372558594,
  "summary_bg_n": 163125.0,
  "summary_bg_p05": 2.2755683422088624,
  "summary_bg_p95": 3516.8724609374976,
  "summary_bg_stdv": 1773.077880859375,
  "summary_fg_k": 1.5445609540914607,
  "summary_fg_mad": 3867.0609419813127,
  "summary_fg_mean": 22592.966796875,
  "summary_fg_median": 22081.41015625,
  "summary_fg_n": 32730.0,
  "summary_fg_p05": 16657.15625,
  "summary_fg_p95": 29889.3341796875,
  "summary_fg_stdv": 4207.98095703125,
  "tsnr": 71.63255310058594
}