{
  "bids_meta": {
    "AcquisitionNumber": 4,
    "BidsifyVersion": "0.3.5",
    "ConversionSoftware": "dcm2niix",
    "ConversionSoftwareVersion": "v1.0.20181125  GCC6.3.0",
    "EchoTime": 0.00375,
    "ImageComments": "piop",
    "ImageOrientationPatientDICOM": [
      0.998825,
      0.0388633,
      -0.0289517,
      -0.0387202,
      0.999235,
      0.00548892
    ],
    "Manufacturer": "Philips",
    "PatientPosition": "HFS",
    "PhilipsRescaleIntercept": 0,
    "PhilipsRescaleSlope": 8.67399,
    "PhilipsScaleSlope": 0.00710812,
    "ProtocolName": "WIPt13dSENSE",
    "ReconMatrixPE": 240,
    "RepetitionTime": 0.008186,
    "SeriesDescription": "ImageMRSERIES",
    "SeriesNumber": 4,
    "UsePhilipsFloatNotDisplayScaling": 1,
    "dataset": "ds002785",
    "modality": "T1w",
    "subject_id": "0170"
  },
  "cjv": 0.31414656746561065,
  "cnr": 3.9199037234348157,
  "efc": 0.7593502786984693,
  "fber": 1431.7095947265625,
  "fwhm_avg": 3.5886431845609525,
  "fwhm_x": 3.58144,
  "fwhm_y": 3.7439795536828573,
  "fwhm_z": 3.44051,
  "icvs_csf": 0.18110532950661637,
  "icvs_gm": 0.44762439120302533,
  "icvs_wm": 0.3712702792903583,
  "inu_med": 1.3572258949279785,
  "inu_range": 0.42156243324279785,
  "provenance": {
    "md5sum": "90123aad6d1cd20b7b705e70ce680131",
    "settings": {
      "testing": false
    },
    "software": "mriqc",
    "version": "22.0.0rc1",
    "warnings": {
      "large_rot_frame": true,
      "small_air_mask": true
    },
    "webapi_port": null,
    "webapi_url": "https://mriqc.nimh.nih.gov/api/v1"
  },
  "qi_1": 0.0,
  "qi_2": 9.464208677058358e-05,
  "rpve_csf": 31.852524745955037,
  "rpve_gm": 14.60808955896904,
  "rpve_wm": 21.741259223858762,
  "size_x": 240,
  "size_y": 240,
  "size_z": 220,
  "snr_csf": 2.9008582642433183,
  "snr_gm": 7.251293995786072,
  "snr_total": 10.00927595243436,
  "snr_wm": 19.87567559727369,
  "snrd_csf": 23.619485645023072,
  "snrd_gm": 40.320863043287524,
  "snrd_total": 43.265774601490214,
  "snrd_wm": 65.85697511616004,
  "spacing_x": 1.0,
  "spacing_y": 1.0000001192092896,
  "spacing_z": 1.0,
  "summary_bg_k": 3.1870337705917873,
  "summary_bg_mad": 9.947787279644201,
  "summary_bg_mean": 13.805337905883789,
  "summary_bg_median": 13.412773132324219,
  "summary_bg_n": 191795.0,
  "summary_bg_p05": 0.0,
  "summary_bg_p95": 33.76279220581055,
  "summary_bg_stdv": 11.1739501953125,
  "summary_csf_k": -0.16477302008186978,
  "summary_csf_mad": 96.98914231688336,
  "summary_csf_mean": 325.1288757324219,
  "summary_csf_median": 358.6453552246094,
  "summary_csf_n": 6177.0,
  "summary_csf_p05": 83.80912780761719,
  "summary_csf_p95": 481.02269287109374,
  "summary_csf_stdv": 123.62421417236328,
  "summary_gm_k": 0.32027154403519287,
  "summary_gm_mad": 78.62976884246706,
  "summary_gm_mean": 618.142822265625,
  "summary_gm_median": 612.2440795898438,
  "summary_gm_n": 24795.0,
  "summary_gm_p05": 489.8729278564453,
  "summary_gm_p95": 770.1726928710937,
  "summary_gm_stdv": 84.4306869506836,
  "summary_wm_k": 1.4285301535405681,
  "summary_wm_mad": 43.17992995082406,
  "summary_wm_mean": 997.6619262695312,
  "summary_wm_median": 999.9920654296875,
  "summary_wm_n": 187140.0,
  "summary_wm_p05": 910.6927429199219,
  "summary_wm_p95": 1074.9184875488281,
  "summary_wm_stdv": 50.31222152709961,
  "tpm_overlap_csf": 0.16999980807304382,
  "tpm_overlap_gm": 0.45663490891456604,
  "tpm_overlap_wm": 0.5134161710739136,
  "wm2max": 0.6433430122789067
}