{
  "aor": 0.0008411836734693877,
  "aqi": 0.0037904996326530616,
  "bids_meta": {
    "AcquisitionNumber": 3,
    "BidsifyVersion": "0.3.5",
    "ConversionSoftware": "dcm2niix",
    "ConversionSoftwareVersion": "v1.0.20181125  GCC6.3.0",
    "EchoTime": 0.02762,
    "ImageComments": "Piop",
    "ImageOrientationPatientDICOM": [
      0.99931,
      0.0289845,
      -0.0232091,
      -0.0282624,
      0.999124,
      0.0308581
    ],
    "Manufacturer": "Philips",
    "NumberOfVolumesDiscardedByScanner": 2,
    "ParallelAcquisitionTechnique": "SENSE",
    "ParallelReductionFactorInPlane": 2,
    "PatientPosition": "HFS",
    "PhaseEncodingDirection": "j",
    "PhilipsRescaleIntercept": 0,
    "PhilipsRescaleSlope": 0.75238,
    "PhilipsScaleSlope": 0.053894,
    "ProtocolName": "WIPpiopgstroopSENSE",
    "PulseSequenceType": "gradient echo EPI",
    "ReconMatrixPE": 80,
    "RepetitionTime": 2,
    "SeriesDescription": "ImageMRSERIES",
    "SeriesNumber": 3,
    "SliceEncodingDirection": "k",
    "TaskName": "gstroop",
    "UsePhilipsFloatNotDisplayScaling": 1,
    "acq_id": "seq",
    "dataset": "ds002785",
    "modality": "bold",
    "subject_id": "0206",
    "task_id": "gstroop"
  },
  "dummy_trs": 0,
  "dvars_nstd": 17.98323697741803,
  "dvars_std": 1.1549639723770486,
  "dvars_vstd": 0.997500037459017,
  "efc": 0.4342365640230705,
  "fber": 93928.6875,
  "fd_mean": 0.0871183614100036,
  "fd_num": 5,
  "fd_perc": 2.0408163265306123,
  "fwhm_avg": 1.7781069776769645,
  "fwhm_x": 1.75774,
  "fwhm_y": 1.9197899999999999,
  "fwhm_z": 1.6567909330308934,
  "gcor": 0.0581822,
  "gsr_x": -0.015608187764883041,
  "gsr_y": 0.03054092451930046,
  "provenance": {
    "md5sum": "7603d6d16a25859181751a7a4006c9c6",
    "settings": {
      "fd_thres": 0.2,
      "testing": false
    },
    "software": "mriqc",
    "version": "23.0.1",
    "webapi_port": null,
    "webapi_url": "https://mriqc.nimh.nih.gov/api/v1"
  },
  "size_t": 245,
  "size_x": 80,
  "size_y": 80,
  "size_z": 37,
  "snr": 5.071404961619918,
  "spacing_tr": 2.0,
  "spacing_x": 3.0,
  "spacing_y": 3.0,
  "spacing_z": 3.299999952316284,
  "summary_bg_k": 123.1250040576113,
  "summary_bg_mad": 90.376375816279,
  "summary_bg_mean": 761.1851196289062,
  "summary_bg_median": 78.6111068725586,
  "summary_bg_n": 160453.0,
  "summary_bg_p05": 7.3800046920776365,
  "summary_bg_p95": 3415.9571777343726,
  "summary_bg_stdv": 2317.068603515625,
  "summary_fg_k": 3.100194623672669,
  "summary_fg_mad": 4432.107577533157,
  "summary_fg_mean": 25264.818359375,
  "summary_fg_median": 24715.29296875,
  "summary_fg_n": 35496.0,
  "summary_fg_p05": 18972.56298828125,
  "summary_fg_p95": 33082.6181640625,
  "summary_fg_stdv": 4873.39208984375,
  "tsnr": 81.37420654296875
}