{
  "aor": 0.0007379090909090909,
  "aqi": 0.005803465363636363,
  "bids_meta": {
    "AcquisitionNumber": 2,
    "BidsifyVersion": "0.3.5",
    "ConversionSoftware": "dcm2niix",
    "ConversionSoftwareVersion": "v1.0.20181125  GCC6.3.0",
    "EchoTime": 0.02762,
    "EffectiveEchoSpacing": 0.0006333282667071997,
    "ImageComments": "PIOP",
    "ImageOrientationPatientDICOM": [
      0.998464,
      0.055118,
      -0.0056484,
      -0.0545992,
      0.961446,
      -0.269518
    ],
    "Manufacturer": "Philips",
    "NumberOfVolumesDiscardedByScanner": 2,
    "ParallelAcquisitionTechnique": "SENSE",
    "ParallelReductionFactorInPlane": 2,
    "PatientPosition": "HFS",
    "PhaseEncodingDirection": "j",
    "PhilipsRescaleIntercept": 0,
    "PhilipsRescaleSlope": 0.79805,
    "PhilipsScaleSlope": 0.0820824,
    "ProtocolName": "WIPpiopfacesSENSE",
    "PulseSequenceType": "gradient echo EPI",
    "ReconMatrixPE": 80,
    "RepetitionTime": 0.75,
    "SeriesDescription": "ImageMRSERIES",
    "SeriesNumber": 2,
    "SliceEncodingDirection": "k",
    "SliceTiming": [
      0.0,
      0.06755050505050506,
      0.1351010101010101,
      0.20265151515151517,
      0.2702020202020202,
      0.3377525252525253,
      0.40530303030303033,
      0.47285353535353536,
      0.5404040404040404,
      0.6079545454545455,
      0.6755050505050506,
      0.7430555555555556,
      0.0,
      0.06755050505050506,
      0.1351010101010101,
      0.20265151515151517,
      0.2702020202020202,
      0.3377525252525253,
      0.40530303030303033,
      0.47285353535353536,
      0.5404040404040404,
      0.6079545454545455,
      0.6755050505050506,
      0.7430555555555556,
      0.0,
      0.06755050505050506,
      0.1351010101010101,
      0.20265151515151517,
      0.2702020202020202,
      0.3377525252525253,
      0.40530303030303033,
      0.47285353535353536,
      0.5404040404040404,
      0.6079545454545455,
      0.6755050505050506,
      0.7430555555555556
    ],
    "TaskName": "faces",
    "TotalReadoutTime": 0.024699802401580786,
    "UsePhilipsFloatNotDisplayScaling": 1,
    "acq_id": "mb3",
    "dataset": "ds002785",
    "modality": "bold",
    "subject_id": "0134",
    "task_id": "faces"
  },
  "dummy_trs": 0,
  "dvars_nstd": 26.786988040881454,
  "dvars_std": 1.2619967160790277,
  "dvars_vstd": 1.011839619179332,
  "efc": 0.43276189574604773,
  "fber": 146190.4375,
  "fd_mean": 0.10767950699332525,
  "fd_num": 10,
  "fd_perc": 3.0303030303030303,
  "fwhm_avg": 2.162264198526978,
  "fwhm_x": 2.192623333333333,
  "fwhm_y": 2.3178933333333336,
  "fwhm_z": 1.9762759289142662,
  "gcor": 0.0293663,
  "gsr_x": -0.022155923768877983,
  "gsr_y": 0.013894142583012581,
  "provenance": {
    "md5sum": "3185065edbfd199cdcfbf6cebc7c899a",
    "settings": {
      "fd_thres": 0.2,
      "testing": false
    },
    "software": "mriqc",
    "version": "22.0.0rc1",
    "webapi_port": null,
    "webapi_url": "https://mriqc.nimh.nih.gov/api/v1"
  },
  "size_t": 330,
  "size_x": 80,
  "size_y": 80,
  "size_z": 36,
  "snr": 5.662319890339794,
  "spacing_tr": 0.75,
  "spacing_x": 3.0,
  "spacing_y": 3.0,
  "spacing_z": 3.299999713897705,
  "summary_bg_k": 36.739695229186346,
  "summary_bg_mad": 53.11298135980055,
  "summary_bg_mean": 530.3409423828125,
  "summary_bg_median": 49.755027770996094,
  "summary_bg_n": 155809.0,
  "summary_bg_p05": 3.901637554168701,
  "summary_bg_p95": 2794.949169921875,
  "summary_bg_stdv": 1533.0987548828125,
  "summary_fg_k": 0.32350764471640625,
  "summary_fg_mad": 3328.850275296657,
  "summary_fg_mean": 19518.173828125,
  "summary_fg_median": 19460.009765625,
  "summary_fg_n": 33667.0,
  "summary_fg_p05": 13908.55517578125,
  "summary_fg_p95": 25131.585156249992,
  "summary_fg_stdv": 3436.70458984375,
  "tsnr": 62.45341491699219
}