{
  "aor": 0.003502777777777778,
  "aqi": 0.010588753950617284,
  "bids_meta": {
    "AcquisitionNumber": 8,
    "BidsifyVersion": "0.3.5",
    "ConversionSoftware": "dcm2niix",
    "ConversionSoftwareVersion": "v1.0.20181125  GCC6.3.0",
    "EchoTime": 0.02762,
    "EffectiveEchoSpacing": 0.0006621159151938905,
    "ImageComments": "PIOP",
    "ImageOrientationPatientDICOM": [
      0.998464,
      0.055118,
      -0.0056484,
      -0.0545992,
      0.961446,
      -0.269518
    ],
    "Manufacturer": "Philips",
    "NumberOfVolumesDiscardedByScanner": 2,
    "ParallelAcquisitionTechnique": "SENSE",
    "ParallelReductionFactorInPlane": 2,
    "PatientPosition": "HFS",
    "PhaseEncodingDirection": "j",
    "PhilipsRescaleIntercept": 0,
    "PhilipsRescaleSlope": 0.82344,
    "PhilipsScaleSlope": 0.049619,
    "ProtocolName": "WIPpiopwmSENSE",
    "PulseSequenceType": "gradient echo EPI",
    "ReconMatrixPE": 80,
    "RepetitionTime": 2,
    "SeriesDescription": "ImageMRSERIES",
    "SeriesNumber": 8,
    "SliceEncodingDirection": "k",
    "SliceTiming": [
      0.0,
      0.0541,
      0.1081,
      0.1622,
      0.2162,
      0.2703,
      0.3243,
      0.3784,
      0.4324,
      0.4865,
      0.5405,
      0.5946,
      0.6486,
      0.7027,
      0.7568,
      0.8108,
      0.8649,
      0.9189,
      0.973,
      1.027,
      1.0811,
      1.1351,
      1.1892,
      1.2432,
      1.2973,
      1.3514,
      1.4054,
      1.4595,
      1.5135,
      1.5676,
      1.6216,
      1.6757,
      1.7297,
      1.7838,
      1.8378,
      1.8919,
      1.9459
    ],
    "TaskName": "workingmemory",
    "TotalReadoutTime": 0.025822520692561732,
    "UsePhilipsFloatNotDisplayScaling": 1,
    "acq_id": "seq",
    "dataset": "ds002785",
    "modality": "bold",
    "subject_id": "0134",
    "task_id": "workingmemory"
  },
  "dummy_trs": 0,
  "dvars_nstd": 38.565846425279496,
  "dvars_std": 1.2170655680124225,
  "dvars_vstd": 1.0261229605590063,
  "efc": 0.4282459587193014,
  "fber": 138680.015625,
  "fd_mean": 0.18910818285286987,
  "fd_num": 66,
  "fd_perc": 40.74074074074074,
  "fwhm_avg": 1.9227747562692186,
  "fwhm_x": 1.8972300000000002,
  "fwhm_y": 2.0452033333333333,
  "fwhm_z": 1.8258909354743225,
  "gcor": 0.0317367,
  "gsr_x": -0.020562676712870598,
  "gsr_y": 0.01786164566874504,
  "provenance": {
    "md5sum": "995251c4cc5610311d99135e6cab0fbd",
    "settings": {
      "fd_thres": 0.2,
      "testing": false
    },
    "software": "mriqc",
    "version": "22.0.0rc1",
    "webapi_port": null,
    "webapi_url": "https://mriqc.nimh.nih.gov/api/v1"
  },
  "size_t": 162,
  "size_x": 80,
  "size_y": 80,
  "size_z": 37,
  "snr": 4.801672468935491,
  "spacing_tr": 2.0,
  "spacing_x": 3.0,
  "spacing_y": 3.0,
  "spacing_z": 3.299999952316284,
  "summary_bg_k": 47.13448117930909,
  "summary_bg_mad": 76.16488835968666,
  "summary_bg_mean": 757.790283203125,
  "summary_bg_median": 70.1961441040039,
  "summary_bg_n": 160413.0,
  "summary_bg_p05": 5.718407726287841,
  "summary_bg_p95": 3877.035791015619,
  "summary_bg_stdv": 2322.13232421875,
  "summary_fg_k": 0.7164500989465057,
  "summary_fg_mad": 5565.711893929694,
  "summary_fg_mean": 27380.59765625,
  "summary_fg_median": 26993.64453125,
  "summary_fg_n": 34731.0,
  "summary_fg_p05": 18890.21875,
  "summary_fg_p95": 36755.529296875,
  "summary_fg_stdv": 5621.63623046875,
  "tsnr": 46.10368728637695
}