{
  "aor": 0.0020674814814814813,
  "aqi": 0.0035597191851851847,
  "bids_meta": {
    "AcquisitionNumber": 5,
    "BidsifyVersion": "0.3.5",
    "ConversionSoftware": "dcm2niix",
    "ConversionSoftwareVersion": "v1.0.20181125  GCC6.3.0",
    "EchoTime": 0.02762,
    "EffectiveEchoSpacing": 0.0006621159151938905,
    "ImageComments": "PIOP",
    "ImageOrientationPatientDICOM": [
      0.998464,
      0.055118,
      -0.0056484,
      -0.0545992,
      0.961446,
      -0.269518
    ],
    "Manufacturer": "Philips",
    "NumberOfVolumesDiscardedByScanner": 2,
    "ParallelAcquisitionTechnique": "SENSE",
    "ParallelReductionFactorInPlane": 2,
    "PatientPosition": "HFS",
    "PhaseEncodingDirection": "j",
    "PhilipsRescaleIntercept": 0,
    "PhilipsRescaleSlope": 0.83077,
    "PhilipsScaleSlope": 0.0478148,
    "ProtocolName": "WIPpiopharririSENSE",
    "PulseSequenceType": "gradient echo EPI",
    "ReconMatrixPE": 80,
    "RepetitionTime": 2,
    "SeriesDescription": "ImageMRSERIES",
    "SeriesNumber": 5,
    "SliceEncodingDirection": "k",
    "SliceTiming": [
      0.0,
      0.0541,
      0.1081,
      0.1622,
      0.2162,
      0.2703,
      0.3243,
      0.3784,
      0.4324,
      0.4865,
      0.5405,
      0.5946,
      0.6486,
      0.7027,
      0.7568,
      0.8108,
      0.8649,
      0.9189,
      0.973,
      1.027,
      1.0811,
      1.1351,
      1.1892,
      1.2432,
      1.2973,
      1.3514,
      1.4054,
      1.4595,
      1.5135,
      1.5676,
      1.6216,
      1.6757,
      1.7297,
      1.7838,
      1.8378,
      1.8919,
      1.9459
    ],
    "TaskName": "emomatching",
    "TotalReadoutTime": 0.025822520692561732,
    "UsePhilipsFloatNotDisplayScaling": 1,
    "acq_id": "seq",
    "dataset": "ds002785",
    "modality": "bold",
    "subject_id": "0134",
    "task_id": "emomatching"
  },
  "dummy_trs": 0,
  "dvars_nstd": 20.944760379776124,
  "dvars_std": 1.1982207092537305,
  "dvars_vstd": 1.0153529081343278,
  "efc": 0.4249991538645519,
  "fber": 160028.078125,
  "fd_mean": 0.168169647729545,
  "fd_num": 33,
  "fd_perc": 24.444444444444443,
  "fwhm_avg": 1.903344857210589,
  "fwhm_x": 1.8765366666666665,
  "fwhm_y": 2.0218766666666665,
  "fwhm_z": 1.811621238298434,
  "gcor": 0.0348971,
  "gsr_x": -0.019705450162291527,
  "gsr_y": 0.016435978934168816,
  "provenance": {
    "md5sum": "e9c2815e6824243dcffc6c5e15cc86a5",
    "settings": {
      "fd_thres": 0.2,
      "testing": false
    },
    "software": "mriqc",
    "version": "22.0.0rc1",
    "webapi_port": null,
    "webapi_url": "https://mriqc.nimh.nih.gov/api/v1"
  },
  "size_t": 135,
  "size_x": 80,
  "size_y": 80,
  "size_z": 37,
  "snr": 4.864110825438933,
  "spacing_tr": 2.0,
  "spacing_x": 3.0,
  "spacing_y": 3.0,
  "spacing_z": 3.299999952316284,
  "summary_bg_k": 52.42893136305339,
  "summary_bg_mad": 67.93273139725707,
  "summary_bg_mean": 729.9426879882812,
  "summary_bg_median": 66.5624771118164,
  "summary_bg_n": 160669.0,
  "summary_bg_p05": 4.8858497619628904,
  "summary_bg_p95": 3765.3360839843785,
  "summary_bg_stdv": 2312.95361328125,
  "summary_fg_k": 0.7716268644650204,
  "summary_fg_mad": 5609.102622334376,
  "summary_fg_mean": 27824.916015625,
  "summary_fg_median": 27418.91015625,
  "summary_fg_n": 34516.0,
  "summary_fg_p05": 19299.53515625,
  "summary_fg_p95": 37132.671875,
  "summary_fg_stdv": 5636.9013671875,
  "tsnr": 82.19644165039062
}