{
  "aor": 0.000999060542797495,
  "aqi": 0.00822293649269311,
  "bids_meta": {
    "AcquisitionNumber": 6,
    "BidsifyVersion": "0.3.5",
    "ConversionSoftware": "dcm2niix",
    "ConversionSoftwareVersion": "v1.0.20181125  GCC6.3.0",
    "EchoTime": 0.02762,
    "EffectiveEchoSpacing": 0.0006333282667071997,
    "ImageComments": "PIOP",
    "ImageOrientationPatientDICOM": [
      0.998464,
      0.055118,
      -0.0056484,
      -0.0545992,
      0.961446,
      -0.269518
    ],
    "Manufacturer": "Philips",
    "NumberOfVolumesDiscardedByScanner": 2,
    "ParallelAcquisitionTechnique": "SENSE",
    "ParallelReductionFactorInPlane": 2,
    "PatientPosition": "HFS",
    "PhaseEncodingDirection": "j",
    "PhilipsRescaleIntercept": 0,
    "PhilipsRescaleSlope": 0.80928,
    "PhilipsScaleSlope": 0.0811107,
    "ProtocolName": "WIPpioprsSENSE",
    "PulseSequenceType": "gradient echo EPI",
    "ReconMatrixPE": 80,
    "RepetitionTime": 0.75,
    "SeriesDescription": "ImageMRSERIES",
    "SeriesNumber": 6,
    "SliceEncodingDirection": "k",
    "SliceTiming": [
      0.0,
      0.06755050505050506,
      0.1351010101010101,
      0.20265151515151517,
      0.2702020202020202,
      0.3377525252525253,
      0.40530303030303033,
      0.47285353535353536,
      0.5404040404040404,
      0.6079545454545455,
      0.6755050505050506,
      0.7430555555555556,
      0.0,
      0.06755050505050506,
      0.1351010101010101,
      0.20265151515151517,
      0.2702020202020202,
      0.3377525252525253,
      0.40530303030303033,
      0.47285353535353536,
      0.5404040404040404,
      0.6079545454545455,
      0.6755050505050506,
      0.7430555555555556,
      0.0,
      0.06755050505050506,
      0.1351010101010101,
      0.20265151515151517,
      0.2702020202020202,
      0.3377525252525253,
      0.40530303030303033,
      0.47285353535353536,
      0.5404040404040404,
      0.6079545454545455,
      0.6755050505050506,
      0.7430555555555556
    ],
    "TaskName": "restingstate",
    "TotalReadoutTime": 0.024699802401580786,
    "UsePhilipsFloatNotDisplayScaling": 1,
    "acq_id": "mb3",
    "dataset": "ds002785",
    "modality": "bold",
    "subject_id": "0134",
    "task_id": "restingstate"
  },
  "dummy_trs": 1,
  "dvars_nstd": 30.329882489874475,
  "dvars_std": 1.2096597744979076,
  "dvars_vstd": 1.0007092638493726,
  "efc": 0.4327339260971725,
  "fber": 144754.078125,
  "fd_mean": 0.11769437340121336,
  "fd_num": 25,
  "fd_perc": 5.219206680584551,
  "fwhm_avg": 1.9410186956569697,
  "fwhm_x": 1.9355399999999998,
  "fwhm_y": 2.06291,
  "fwhm_z": 1.8246060869709086,
  "gcor": 0.0110129,
  "gsr_x": -0.020921902731060982,
  "gsr_y": 0.015029422007501125,
  "provenance": {
    "md5sum": "95f36a3002eaf9269d7f5245b6668b9d",
    "settings": {
      "fd_thres": 0.2,
      "testing": false
    },
    "software": "mriqc",
    "version": "22.0.0rc1",
    "webapi_port": null,
    "webapi_url": "https://mriqc.nimh.nih.gov/api/v1"
  },
  "size_t": 479,
  "size_x": 80,
  "size_y": 80,
  "size_z": 36,
  "snr": 5.590133001098776,
  "spacing_tr": 0.75,
  "spacing_x": 3.0,
  "spacing_y": 3.0,
  "spacing_z": 3.299999952316284,
  "summary_bg_k": 37.475875787675285,
  "summary_bg_mad": 51.87033615328425,
  "summary_bg_mean": 522.4012451171875,
  "summary_bg_median": 47.94413757324219,
  "summary_bg_n": 155520.0,
  "summary_bg_p05": 3.3647657155990607,
  "summary_bg_p95": 2751.74709472656,
  "summary_bg_stdv": 1564.0555419921875,
  "summary_fg_k": 0.4819059766078868,
  "summary_fg_mad": 3272.777796079582,
  "summary_fg_mean": 18962.267578125,
  "summary_fg_median": 18902.638671875,
  "summary_fg_n": 33982.0,
  "summary_fg_p05": 13479.312451171874,
  "summary_fg_p95": 24452.04189453125,
  "summary_fg_stdv": 3381.37939453125,
  "tsnr": 50.178062438964844
}