{
  "aor": 0.00041260606060606063,
  "aqi": 0.005140078545454545,
  "bids_meta": {
    "AcquisitionNumber": 2,
    "BidsifyVersion": "0.3.5",
    "ConversionSoftware": "dcm2niix",
    "ConversionSoftwareVersion": "v1.0.20181125  GCC6.3.0",
    "EchoTime": 0.02762,
    "EffectiveEchoSpacing": 0.0006333282667071997,
    "ImageComments": "piop",
    "ImageOrientationPatientDICOM": [
      0.994504,
      0.06125,
      -0.0849128,
      -0.0829865,
      0.955637,
      -0.282615
    ],
    "Manufacturer": "Philips",
    "NumberOfVolumesDiscardedByScanner": 2,
    "ParallelAcquisitionTechnique": "SENSE",
    "ParallelReductionFactorInPlane": 2,
    "PatientPosition": "HFS",
    "PhaseEncodingDirection": "j",
    "PhilipsRescaleIntercept": 0,
    "PhilipsRescaleSlope": 0.77485,
    "PhilipsScaleSlope": 0.0864571,
    "ProtocolName": "WIPpiopfacesSENSE",
    "PulseSequenceType": "gradient echo EPI",
    "ReconMatrixPE": 80,
    "RepetitionTime": 0.75,
    "SeriesDescription": "ImageMRSERIES",
    "SeriesNumber": 2,
    "SliceEncodingDirection": "k",
    "SliceTiming": [
      0.0,
      0.06755050505050506,
      0.1351010101010101,
      0.20265151515151517,
      0.2702020202020202,
      0.3377525252525253,
      0.40530303030303033,
      0.47285353535353536,
      0.5404040404040404,
      0.6079545454545455,
      0.6755050505050506,
      0.7430555555555556,
      0.0,
      0.06755050505050506,
      0.1351010101010101,
      0.20265151515151517,
      0.2702020202020202,
      0.3377525252525253,
      0.40530303030303033,
      0.47285353535353536,
      0.5404040404040404,
      0.6079545454545455,
      0.6755050505050506,
      0.7430555555555556,
      0.0,
      0.06755050505050506,
      0.1351010101010101,
      0.20265151515151517,
      0.2702020202020202,
      0.3377525252525253,
      0.40530303030303033,
      0.47285353535353536,
      0.5404040404040404,
      0.6079545454545455,
      0.6755050505050506,
      0.7430555555555556
    ],
    "TaskName": "faces",
    "TotalReadoutTime": 0.024699802401580786,
    "UsePhilipsFloatNotDisplayScaling": 1,
    "acq_id": "mb3",
    "dataset": "ds002785",
    "modality": "bold",
    "subject_id": "0177",
    "task_id": "faces"
  },
  "dummy_trs": 0,
  "dvars_nstd": 25.83027853562311,
  "dvars_std": 1.0893882058358655,
  "dvars_vstd": 1.008935611732522,
  "efc": 0.4201312719074818,
  "fber": 171439.15625,
  "fd_mean": 0.11619461193772813,
  "fd_num": 33,
  "fd_perc": 10.0,
  "fwhm_avg": 2.0837780903386793,
  "fwhm_x": 2.0765833333333332,
  "fwhm_y": 2.1960266666666666,
  "fwhm_z": 1.9787242710160382,
  "gcor": 0.0134303,
  "gsr_x": -0.027894463390111923,
  "gsr_y": 0.02221258170902729,
  "provenance": {
    "md5sum": "509008bfacba72791eff0b4db0930f6d",
    "settings": {
      "fd_thres": 0.2,
      "testing": false
    },
    "software": "mriqc",
    "version": "22.0.0rc1",
    "webapi_port": null,
    "webapi_url": "https://mriqc.nimh.nih.gov/api/v1"
  },
  "size_t": 330,
  "size_x": 80,
  "size_y": 80,
  "size_z": 36,
  "snr": 4.740312696081761,
  "spacing_tr": 0.75,
  "spacing_x": 3.0,
  "spacing_y": 3.0,
  "spacing_z": 3.299999952316284,
  "summary_bg_k": 63.94171639035818,
  "summary_bg_mad": 42.40473294562834,
  "summary_bg_mean": 337.91448974609375,
  "summary_bg_median": 40.56841278076172,
  "summary_bg_n": 155488.0,
  "summary_bg_p05": 2.190653383731842,
  "summary_bg_p95": 1856.411614990232,
  "summary_bg_stdv": 997.6018676757812,
  "summary_fg_k": 0.43215216559203196,
  "summary_fg_mad": 3513.975748795254,
  "summary_fg_mean": 17579.609375,
  "summary_fg_median": 17339.873046875,
  "summary_fg_n": 34661.0,
  "summary_fg_p05": 11887.1083984375,
  "summary_fg_p95": 23768.744140625,
  "summary_fg_stdv": 3657.906982421875,
  "tsnr": 55.17694091796875
}