{
  "aor": 0.006772654320987654,
  "aqi": 0.009376630123456792,
  "bids_meta": {
    "AcquisitionNumber": 8,
    "BidsifyVersion": "0.3.5",
    "ConversionSoftware": "dcm2niix",
    "ConversionSoftwareVersion": "v1.0.20181125  GCC6.3.0",
    "EchoTime": 0.02762,
    "EffectiveEchoSpacing": 0.0006621159151938905,
    "ImageComments": "piop",
    "ImageOrientationPatientDICOM": [
      0.994504,
      0.06125,
      -0.0849128,
      -0.0829865,
      0.955637,
      -0.282615
    ],
    "Manufacturer": "Philips",
    "NumberOfVolumesDiscardedByScanner": 2,
    "ParallelAcquisitionTechnique": "SENSE",
    "ParallelReductionFactorInPlane": 2,
    "PatientPosition": "HFS",
    "PhaseEncodingDirection": "j",
    "PhilipsRescaleIntercept": 0,
    "PhilipsRescaleSlope": 0.78559,
    "PhilipsScaleSlope": 0.0554544,
    "ProtocolName": "WIPpiopwmSENSE",
    "PulseSequenceType": "gradient echo EPI",
    "ReconMatrixPE": 80,
    "RepetitionTime": 2,
    "SeriesDescription": "ImageMRSERIES",
    "SeriesNumber": 8,
    "SliceEncodingDirection": "k",
    "SliceTiming": [
      0.0,
      0.0541,
      0.1081,
      0.1622,
      0.2162,
      0.2703,
      0.3243,
      0.3784,
      0.4324,
      0.4865,
      0.5405,
      0.5946,
      0.6486,
      0.7027,
      0.7568,
      0.8108,
      0.8649,
      0.9189,
      0.973,
      1.027,
      1.0811,
      1.1351,
      1.1892,
      1.2432,
      1.2973,
      1.3514,
      1.4054,
      1.4595,
      1.5135,
      1.5676,
      1.6216,
      1.6757,
      1.7297,
      1.7838,
      1.8378,
      1.8919,
      1.9459
    ],
    "TaskName": "workingmemory",
    "TotalReadoutTime": 0.025822520692561732,
    "UsePhilipsFloatNotDisplayScaling": 1,
    "acq_id": "seq",
    "dataset": "ds002785",
    "modality": "bold",
    "subject_id": "0177",
    "task_id": "workingmemory"
  },
  "dummy_trs": 0,
  "dvars_nstd": 25.90229574614908,
  "dvars_std": 1.219535903478261,
  "dvars_vstd": 0.9675479487577632,
  "efc": 0.41513626196414566,
  "fber": 160734.953125,
  "fd_mean": 0.1822734713839499,
  "fd_num": 34,
  "fd_perc": 20.987654320987655,
  "fwhm_avg": 1.9818421303214917,
  "fwhm_x": 1.93908,
  "fwhm_y": 2.1151766666666667,
  "fwhm_z": 1.8912697242978085,
  "gcor": 0.010921,
  "gsr_x": -0.026229631155729294,
  "gsr_y": 0.023811450228095055,
  "provenance": {
    "md5sum": "6825eca19a0b7f783773a10a08b76604",
    "settings": {
      "fd_thres": 0.2,
      "testing": false
    },
    "software": "mriqc",
    "version": "22.0.0rc1",
    "webapi_port": null,
    "webapi_url": "https://mriqc.nimh.nih.gov/api/v1"
  },
  "size_t": 162,
  "size_x": 80,
  "size_y": 80,
  "size_z": 37,
  "snr": 4.267216499669286,
  "spacing_tr": 2.0,
  "spacing_x": 3.0,
  "spacing_y": 3.0,
  "spacing_z": 3.299999952316284,
  "summary_bg_k": 89.48625563599725,
  "summary_bg_mad": 57.785437226137596,
  "summary_bg_mean": 455.86199951171875,
  "summary_bg_median": 57.12007522583008,
  "summary_bg_n": 160289.0,
  "summary_bg_p05": 4.765938854217531,
  "summary_bg_p95": 2560.519482421876,
  "summary_bg_stdv": 1367.2662353515625,
  "summary_fg_k": 1.5234076998088488,
  "summary_fg_mad": 4919.466725547545,
  "summary_fg_mean": 24366.396484375,
  "summary_fg_median": 23596.533203125,
  "summary_fg_n": 35494.0,
  "summary_fg_p05": 16722.38134765625,
  "summary_fg_p95": 34243.14355468749,
  "summary_fg_stdv": 5529.64697265625,
  "tsnr": 51.837928771972656
}