{
  "aor": 0.00215815,
  "aqi": 0.00425177155,
  "bids_meta": {
    "AcquisitionNumber": 9,
    "BidsifyVersion": "0.3.5",
    "ConversionSoftware": "dcm2niix",
    "ConversionSoftwareVersion": "v1.0.20181125  GCC6.3.0",
    "EchoTime": 0.02762,
    "EffectiveEchoSpacing": 0.0006621159151938905,
    "ImageComments": "piop",
    "ImageOrientationPatientDICOM": [
      0.994504,
      0.06125,
      -0.0849128,
      -0.0829865,
      0.955637,
      -0.282615
    ],
    "Manufacturer": "Philips",
    "NumberOfVolumesDiscardedByScanner": 2,
    "ParallelAcquisitionTechnique": "SENSE",
    "ParallelReductionFactorInPlane": 2,
    "PatientPosition": "HFS",
    "PhaseEncodingDirection": "j",
    "PhilipsRescaleIntercept": 0,
    "PhilipsRescaleSlope": 0.81099,
    "PhilipsScaleSlope": 0.0552197,
    "ProtocolName": "WIPpiopanticipatieSENSE",
    "PulseSequenceType": "gradient echo EPI",
    "ReconMatrixPE": 80,
    "RepetitionTime": 2,
    "SeriesDescription": "ImageMRSERIES",
    "SeriesNumber": 9,
    "SliceEncodingDirection": "k",
    "SliceTiming": [
      0.0,
      0.0541,
      0.1081,
      0.1622,
      0.2162,
      0.2703,
      0.3243,
      0.3784,
      0.4324,
      0.4865,
      0.5405,
      0.5946,
      0.6486,
      0.7027,
      0.7568,
      0.8108,
      0.8649,
      0.9189,
      0.973,
      1.027,
      1.0811,
      1.1351,
      1.1892,
      1.2432,
      1.2973,
      1.3514,
      1.4054,
      1.4595,
      1.5135,
      1.5676,
      1.6216,
      1.6757,
      1.7297,
      1.7838,
      1.8378,
      1.8919,
      1.9459
    ],
    "TaskName": "anticipation",
    "TotalReadoutTime": 0.025822520692561732,
    "UsePhilipsFloatNotDisplayScaling": 1,
    "acq_id": "seq",
    "dataset": "ds002785",
    "modality": "bold",
    "subject_id": "0177",
    "task_id": "anticipation"
  },
  "dummy_trs": 0,
  "dvars_nstd": 26.282700131407026,
  "dvars_std": 1.2630773771356791,
  "dvars_vstd": 0.9770795876381914,
  "efc": 0.4135289344337542,
  "fber": 163899.59375,
  "fd_mean": 0.17728017066233645,
  "fd_num": 62,
  "fd_perc": 31.0,
  "fwhm_avg": 1.9694286959918796,
  "fwhm_x": 1.9319066666666667,
  "fwhm_y": 2.08224,
  "fwhm_z": 1.8941394213089715,
  "gcor": 0.0213352,
  "gsr_x": -0.026219191029667854,
  "gsr_y": 0.023758504539728165,
  "provenance": {
    "md5sum": "444720d84263f6c8b12c358bb8b44992",
    "settings": {
      "fd_thres": 0.2,
      "testing": false
    },
    "software": "mriqc",
    "version": "22.0.0rc1",
    "webapi_port": null,
    "webapi_url": "https://mriqc.nimh.nih.gov/api/v1"
  },
  "size_t": 200,
  "size_x": 80,
  "size_y": 80,
  "size_z": 37,
  "snr": 4.274937365276231,
  "spacing_tr": 2.0,
  "spacing_x": 3.0,
  "spacing_y": 3.0,
  "spacing_z": 3.299999952316284,
  "summary_bg_k": 103.6377512251793,
  "summary_bg_mad": 55.92731632762573,
  "summary_bg_mean": 448.34222412109375,
  "summary_bg_median": 55.46458435058594,
  "summary_bg_n": 160594.0,
  "summary_bg_p05": 3.859990477561951,
  "summary_bg_p95": 2547.205017089846,
  "summary_bg_stdv": 1368.8162841796875,
  "summary_fg_k": 1.6648336182393653,
  "summary_fg_mad": 4741.115759646984,
  "summary_fg_mean": 23944.435546875,
  "summary_fg_median": 23176.931640625,
  "summary_fg_n": 35171.0,
  "summary_fg_p05": 16472.71484375,
  "summary_fg_p95": 33595.869140625,
  "summary_fg_stdv": 5421.5068359375,
  "tsnr": 73.70948791503906
}