{
  "aor": 0.001970612244897959,
  "aqi": 0.0029954872653061224,
  "bids_meta": {
    "AcquisitionNumber": 3,
    "BidsifyVersion": "0.3.5",
    "ConversionSoftware": "dcm2niix",
    "ConversionSoftwareVersion": "v1.0.20181125  GCC6.3.0",
    "EchoTime": 0.02762,
    "EffectiveEchoSpacing": 0.0006621159151938905,
    "ImageComments": "piop",
    "ImageOrientationPatientDICOM": [
      0.994504,
      0.06125,
      -0.0849128,
      -0.0829865,
      0.955637,
      -0.282615
    ],
    "Manufacturer": "Philips",
    "NumberOfVolumesDiscardedByScanner": 2,
    "ParallelAcquisitionTechnique": "SENSE",
    "ParallelReductionFactorInPlane": 2,
    "PatientPosition": "HFS",
    "PhaseEncodingDirection": "j",
    "PhilipsRescaleIntercept": 0,
    "PhilipsRescaleSlope": 0.779,
    "PhilipsScaleSlope": 0.0537028,
    "ProtocolName": "WIPpiopgstroopSENSE",
    "PulseSequenceType": "gradient echo EPI",
    "ReconMatrixPE": 80,
    "RepetitionTime": 2,
    "SeriesDescription": "ImageMRSERIES",
    "SeriesNumber": 3,
    "SliceEncodingDirection": "k",
    "SliceTiming": [
      0.0,
      0.0541,
      0.1081,
      0.1622,
      0.2162,
      0.2703,
      0.3243,
      0.3784,
      0.4324,
      0.4865,
      0.5405,
      0.5946,
      0.6486,
      0.7027,
      0.7568,
      0.8108,
      0.8649,
      0.9189,
      0.973,
      1.027,
      1.0811,
      1.1351,
      1.1892,
      1.2432,
      1.2973,
      1.3514,
      1.4054,
      1.4595,
      1.5135,
      1.5676,
      1.6216,
      1.6757,
      1.7297,
      1.7838,
      1.8378,
      1.8919,
      1.9459
    ],
    "TaskName": "gstroop",
    "TotalReadoutTime": 0.025822520692561732,
    "UsePhilipsFloatNotDisplayScaling": 1,
    "acq_id": "seq",
    "dataset": "ds002785",
    "modality": "bold",
    "subject_id": "0177",
    "task_id": "gstroop"
  },
  "dummy_trs": 0,
  "dvars_nstd": 25.773521657827875,
  "dvars_std": 1.3579741075819671,
  "dvars_vstd": 1.0155804645081963,
  "efc": 0.41250970893524136,
  "fber": 166840.515625,
  "fd_mean": 0.13470076359391586,
  "fd_num": 23,
  "fd_perc": 9.387755102040817,
  "fwhm_avg": 1.9547215241885647,
  "fwhm_x": 1.9112099999999999,
  "fwhm_y": 2.0767,
  "fwhm_z": 1.8762545725656938,
  "gcor": 0.0305577,
  "gsr_x": -0.025668157264590263,
  "gsr_y": 0.023450640961527824,
  "provenance": {
    "md5sum": "2dd49bd6134cfea34372b302ffd5ca35",
    "settings": {
      "fd_thres": 0.2,
      "testing": false
    },
    "software": "mriqc",
    "version": "22.0.0rc1",
    "webapi_port": null,
    "webapi_url": "https://mriqc.nimh.nih.gov/api/v1"
  },
  "size_t": 245,
  "size_x": 80,
  "size_y": 80,
  "size_z": 37,
  "snr": 4.343215677178437,
  "spacing_tr": 2.0,
  "spacing_x": 3.0,
  "spacing_y": 3.0,
  "spacing_z": 3.299999952316284,
  "summary_bg_k": 112.8692015337531,
  "summary_bg_mad": 55.53675071462716,
  "summary_bg_mean": 449.4687805175781,
  "summary_bg_median": 56.771148681640625,
  "summary_bg_n": 160655.0,
  "summary_bg_p05": 3.732131338119507,
  "summary_bg_p95": 2479.9988281249994,
  "summary_bg_stdv": 1414.0897216796875,
  "summary_fg_k": 1.6840122525392438,
  "summary_fg_mad": 4862.479202773737,
  "summary_fg_mean": 24794.740234375,
  "summary_fg_median": 24016.796875,
  "summary_fg_n": 35206.0,
  "summary_fg_p05": 17187.72998046875,
  "summary_fg_p95": 34603.908203125,
  "summary_fg_stdv": 5529.6484375,
  "tsnr": 85.50051879882812
}