{
  "aor": 0.0017754074074074076,
  "aqi": 0.0025792257037037035,
  "bids_meta": {
    "AcquisitionNumber": 5,
    "BidsifyVersion": "0.3.5",
    "ConversionSoftware": "dcm2niix",
    "ConversionSoftwareVersion": "v1.0.20181125  GCC6.3.0",
    "EchoTime": 0.02762,
    "EffectiveEchoSpacing": 0.0006621159151938905,
    "ImageComments": "piop",
    "ImageOrientationPatientDICOM": [
      0.994504,
      0.06125,
      -0.0849128,
      -0.0829865,
      0.955637,
      -0.282615
    ],
    "Manufacturer": "Philips",
    "NumberOfVolumesDiscardedByScanner": 2,
    "ParallelAcquisitionTechnique": "SENSE",
    "ParallelReductionFactorInPlane": 2,
    "PatientPosition": "HFS",
    "PhaseEncodingDirection": "j",
    "PhilipsRescaleIntercept": 0,
    "PhilipsRescaleSlope": 0.79463,
    "PhilipsScaleSlope": 0.0553888,
    "ProtocolName": "WIPpiopharririSENSE",
    "PulseSequenceType": "gradient echo EPI",
    "ReconMatrixPE": 80,
    "RepetitionTime": 2,
    "SeriesDescription": "ImageMRSERIES",
    "SeriesNumber": 5,
    "SliceEncodingDirection": "k",
    "SliceTiming": [
      0.0,
      0.0541,
      0.1081,
      0.1622,
      0.2162,
      0.2703,
      0.3243,
      0.3784,
      0.4324,
      0.4865,
      0.5405,
      0.5946,
      0.6486,
      0.7027,
      0.7568,
      0.8108,
      0.8649,
      0.9189,
      0.973,
      1.027,
      1.0811,
      1.1351,
      1.1892,
      1.2432,
      1.2973,
      1.3514,
      1.4054,
      1.4595,
      1.5135,
      1.5676,
      1.6216,
      1.6757,
      1.7297,
      1.7838,
      1.8378,
      1.8919,
      1.9459
    ],
    "TaskName": "emomatching",
    "TotalReadoutTime": 0.025822520692561732,
    "UsePhilipsFloatNotDisplayScaling": 1,
    "acq_id": "seq",
    "dataset": "ds002785",
    "modality": "bold",
    "subject_id": "0177",
    "task_id": "emomatching"
  },
  "dummy_trs": 0,
  "dvars_nstd": 25.564511242313436,
  "dvars_std": 1.3753693133582092,
  "dvars_vstd": 1.0213735225373133,
  "efc": 0.413622140456868,
  "fber": 165208.90625,
  "fd_mean": 0.12711811644790583,
  "fd_num": 7,
  "fd_perc": 5.185185185185185,
  "fwhm_avg": 1.9723033424359462,
  "fwhm_x": 1.9377066666666665,
  "fwhm_y": 2.0893366666666666,
  "fwhm_z": 1.889866693974505,
  "gcor": 0.0233596,
  "gsr_x": -0.026322243735194206,
  "gsr_y": 0.02414218708872795,
  "provenance": {
    "md5sum": "f4eb12024deb5f89a4df5011b237b628",
    "settings": {
      "fd_thres": 0.2,
      "testing": false
    },
    "software": "mriqc",
    "version": "22.0.0rc1",
    "webapi_port": null,
    "webapi_url": "https://mriqc.nimh.nih.gov/api/v1"
  },
  "size_t": 135,
  "size_x": 80,
  "size_y": 80,
  "size_z": 37,
  "snr": 4.255369015443302,
  "spacing_tr": 2.0,
  "spacing_x": 3.0,
  "spacing_y": 3.0,
  "spacing_z": 3.299999952316284,
  "summary_bg_k": 91.56864840994172,
  "summary_bg_mad": 56.01380437913918,
  "summary_bg_mean": 458.4970703125,
  "summary_bg_median": 56.59339904785156,
  "summary_bg_n": 160559.0,
  "summary_bg_p05": 3.6644465684890757,
  "summary_bg_p95": 2585.3193847656275,
  "summary_bg_stdv": 1410.1693115234375,
  "summary_fg_k": 1.5708226717268667,
  "summary_fg_mad": 4959.744568434857,
  "summary_fg_mean": 24539.990234375,
  "summary_fg_median": 23759.171875,
  "summary_fg_n": 35240.0,
  "summary_fg_p05": 16818.51298828125,
  "summary_fg_p95": 34487.6408203125,
  "summary_fg_stdv": 5583.2607421875,
  "tsnr": 89.306396484375
}