{
  "aor": 0.00292625,
  "aqi": 0.016924287450000002,
  "bids_meta": {
    "AcquisitionNumber": 9,
    "BidsifyVersion": "0.3.5",
    "ConversionSoftware": "dcm2niix",
    "ConversionSoftwareVersion": "v1.0.20181125  GCC6.3.0",
    "EchoTime": 0.02762,
    "ImageComments": "piop",
    "ImageOrientationPatientDICOM": [
      0.997885,
      0.0572302,
      -0.0308138,
      -0.0634811,
      0.959949,
      -0.272889
    ],
    "Manufacturer": "Philips",
    "NumberOfVolumesDiscardedByScanner": 2,
    "ParallelAcquisitionTechnique": "SENSE",
    "ParallelReductionFactorInPlane": 2,
    "PatientPosition": "HFS",
    "PhaseEncodingDirection": "j",
    "PhilipsRescaleIntercept": 0,
    "PhilipsRescaleSlope": 0.75629,
    "PhilipsScaleSlope": 0.0551633,
    "ProtocolName": "WIPpiopanticipatieSENSE",
    "PulseSequenceType": "gradient echo EPI",
    "ReconMatrixPE": 80,
    "RepetitionTime": 2,
    "SeriesDescription": "ImageMRSERIES",
    "SeriesNumber": 9,
    "SliceEncodingDirection": "k",
    "TaskName": "anticipation",
    "UsePhilipsFloatNotDisplayScaling": 1,
    "acq_id": "seq",
    "dataset": "ds002785",
    "modality": "bold",
    "subject_id": "0201",
    "task_id": "anticipation"
  },
  "dummy_trs": 0,
  "dvars_nstd": 24.820244305175887,
  "dvars_std": 1.2443963455276383,
  "dvars_vstd": 0.9259210346733673,
  "efc": 0.4299659929675077,
  "fber": 169144.921875,
  "fd_mean": 0.11914877539359507,
  "fd_num": 17,
  "fd_perc": 8.5,
  "fwhm_avg": 1.8230502704283047,
  "fwhm_x": 1.7866066666666667,
  "fwhm_y": 1.9903533333333332,
  "fwhm_z": 1.6921908112849142,
  "gcor": 0.00603045,
  "gsr_x": -0.022287078201770782,
  "gsr_y": 0.02179049141705036,
  "provenance": {
    "md5sum": "7cd679b46a504265c397d94b26bae166",
    "settings": {
      "fd_thres": 0.2,
      "testing": false
    },
    "software": "mriqc",
    "version": "23.0.1",
    "webapi_port": null,
    "webapi_url": "https://mriqc.nimh.nih.gov/api/v1"
  },
  "size_t": 200,
  "size_x": 80,
  "size_y": 80,
  "size_z": 37,
  "snr": 6.129902468649344,
  "spacing_tr": 2.0,
  "spacing_x": 3.0,
  "spacing_y": 3.0,
  "spacing_z": 3.3000001907348633,
  "summary_bg_k": 59.680992424898974,
  "summary_bg_mad": 65.68449027043867,
  "summary_bg_mean": 713.7938232421875,
  "summary_bg_median": 62.26628494262695,
  "summary_bg_n": 160388.0,
  "summary_bg_p05": 4.272885751724243,
  "summary_bg_p95": 4111.403564453124,
  "summary_bg_stdv": 2059.084228515625,
  "summary_fg_k": 2.6275055396721783,
  "summary_fg_mad": 3857.505107369851,
  "summary_fg_mean": 26841.484375,
  "summary_fg_median": 26357.1875,
  "summary_fg_n": 34517.0,
  "summary_fg_p05": 20817.65703125,
  "summary_fg_p95": 33915.49218749999,
  "summary_fg_stdv": 4299.71044921875,
  "tsnr": 55.02959442138672
}