{
  "aor": 0.00034305439330543924,
  "aqi": 0.013354822280334728,
  "bids_meta": {
    "AcquisitionNumber": 6,
    "BidsifyVersion": "0.3.5",
    "ConversionSoftware": "dcm2niix",
    "ConversionSoftwareVersion": "v1.0.20181125  GCC6.3.0",
    "EchoTime": 0.02762,
    "ImageComments": "piop",
    "ImageOrientationPatientDICOM": [
      0.997885,
      0.0572302,
      -0.0308138,
      -0.0634811,
      0.959949,
      -0.272889
    ],
    "Manufacturer": "Philips",
    "NumberOfVolumesDiscardedByScanner": 2,
    "ParallelAcquisitionTechnique": "SENSE",
    "ParallelReductionFactorInPlane": 2,
    "PatientPosition": "HFS",
    "PhaseEncodingDirection": "j",
    "PhilipsRescaleIntercept": 0,
    "PhilipsRescaleSlope": 0.75385,
    "PhilipsScaleSlope": 0.0905716,
    "ProtocolName": "WIPpioprsSENSE",
    "PulseSequenceType": "gradient echo EPI",
    "ReconMatrixPE": 80,
    "RepetitionTime": 0.75,
    "SeriesDescription": "ImageMRSERIES",
    "SeriesNumber": 6,
    "SliceEncodingDirection": "k",
    "TaskName": "restingstate",
    "UsePhilipsFloatNotDisplayScaling": 1,
    "acq_id": "mb3",
    "dataset": "ds002785",
    "modality": "bold",
    "subject_id": "0201",
    "task_id": "restingstate"
  },
  "dummy_trs": 2,
  "dvars_nstd": 31.746000413752647,
  "dvars_std": 1.2297968400209638,
  "dvars_vstd": 1.0058144236687636,
  "efc": 0.4366659479431091,
  "fber": 171466.703125,
  "fd_mean": 0.0854727911663945,
  "fd_num": 4,
  "fd_perc": 0.8368200836820083,
  "fwhm_avg": 1.788130675038578,
  "fwhm_x": 1.7659366666666667,
  "fwhm_y": 1.9358433333333334,
  "fwhm_z": 1.6626120251157341,
  "gcor": 0.0158159,
  "gsr_x": -0.02382770925760269,
  "gsr_y": 0.018667282536625862,
  "provenance": {
    "md5sum": "90fff04ce0272a1fbbf37cffb897dc80",
    "settings": {
      "fd_thres": 0.2,
      "testing": false
    },
    "software": "mriqc",
    "version": "23.0.1",
    "webapi_port": null,
    "webapi_url": "https://mriqc.nimh.nih.gov/api/v1"
  },
  "size_t": 478,
  "size_x": 80,
  "size_y": 80,
  "size_z": 36,
  "snr": 7.794528623077217,
  "spacing_tr": 0.75,
  "spacing_x": 3.0,
  "spacing_y": 3.0,
  "spacing_z": 3.3000001907348633,
  "summary_bg_k": 42.49260676480765,
  "summary_bg_mad": 47.66863564634606,
  "summary_bg_mean": 500.7209777832031,
  "summary_bg_median": 42.946495056152344,
  "summary_bg_n": 155103.0,
  "summary_bg_p05": 1.8551452159881594,
  "summary_bg_p95": 2843.481420898436,
  "summary_bg_stdv": 1399.951416015625,
  "summary_fg_k": 2.1284533016090963,
  "summary_fg_mad": 2134.0278075301458,
  "summary_fg_mean": 18234.03515625,
  "summary_fg_median": 18164.4609375,
  "summary_fg_n": 33982.0,
  "summary_fg_p05": 14710.56572265625,
  "summary_fg_p95": 21972.976464843745,
  "summary_fg_stdv": 2330.37744140625,
  "tsnr": 51.85936737060547
}