{
  "bids_meta": {
    "AcquisitionNumber": 4,
    "BidsifyVersion": "0.3.5",
    "ConversionSoftware": "dcm2niix",
    "ConversionSoftwareVersion": "v1.0.20181125  GCC6.3.0",
    "EchoTime": 0.00377,
    "ImageComments": "Piop",
    "ImageOrientationPatientDICOM": [
      0.997721,
      0.042559,
      -0.0523554,
      -0.0381542,
      0.995866,
      0.0824338
    ],
    "Manufacturer": "Philips",
    "PatientPosition": "HFS",
    "PhilipsRescaleIntercept": 0,
    "PhilipsRescaleSlope": 8.56484,
    "PhilipsScaleSlope": 0.00736529,
    "ProtocolName": "WIPt13dSENSE",
    "ReconMatrixPE": 240,
    "RepetitionTime": 0.008228,
    "SeriesDescription": "ImageMRSERIES",
    "SeriesNumber": 4,
    "UsePhilipsFloatNotDisplayScaling": 1,
    "dataset": "ds002785",
    "modality": "T1w",
    "subject_id": "0073"
  },
  "cjv": 0.31878650987111895,
  "cnr": 3.9413638457610713,
  "efc": 0.7447590427160938,
  "fber": 1403.3504638671875,
  "fwhm_avg": 3.68875,
  "fwhm_x": 3.63731,
  "fwhm_y": 3.87399,
  "fwhm_z": 3.55495,
  "icvs_csf": 0.22818702902580987,
  "icvs_gm": 0.409413952010712,
  "icvs_wm": 0.36239901896347815,
  "inu_med": 1.4121259450912476,
  "inu_range": 0.35864928364753723,
  "provenance": {
    "md5sum": "598bfb53c85dcbb39a842736ea855633",
    "settings": {
      "testing": false
    },
    "software": "mriqc",
    "version": "22.0.0rc1",
    "warnings": {
      "large_rot_frame": true,
      "small_air_mask": true
    },
    "webapi_port": null,
    "webapi_url": "https://mriqc.nimh.nih.gov/api/v1"
  },
  "qi_1": 0.0,
  "qi_2": 0.00011240459620382584,
  "rpve_csf": 28.34679845197396,
  "rpve_gm": 16.23467441035944,
  "rpve_wm": 24.2436004398376,
  "size_x": 240,
  "size_y": 240,
  "size_z": 220,
  "snr_csf": 3.8714791780799303,
  "snr_gm": 7.5516240355867295,
  "snr_total": 10.63413651813052,
  "snr_wm": 20.479306340724897,
  "snrd_csf": 25.874917976311387,
  "snrd_gm": 43.52333890632535,
  "snrd_total": 46.52122244821419,
  "snrd_wm": 70.16541046200582,
  "spacing_x": 1.0,
  "spacing_y": 1.0,
  "spacing_z": 1.0,
  "summary_bg_k": 1.951135107644971,
  "summary_bg_mad": 9.336924500530367,
  "summary_bg_mean": 15.124186515808105,
  "summary_bg_median": 12.542362213134766,
  "summary_bg_n": 187817.0,
  "summary_bg_p05": 0.0,
  "summary_bg_p95": 37.72826232910156,
  "summary_bg_stdv": 12.254850387573242,
  "summary_csf_k": 1.0116184367897674,
  "summary_csf_mad": 81.28560765847507,
  "summary_csf_mean": 354.0907897949219,
  "summary_csf_median": 368.7662048339844,
  "summary_csf_n": 4496.0,
  "summary_csf_p05": 169.48019790649414,
  "summary_csf_p95": 484.08363342285156,
  "summary_csf_stdv": 95.24142456054688,
  "summary_gm_k": 0.22104721363937285,
  "summary_gm_mad": 78.09958290507544,
  "summary_gm_mean": 623.9056396484375,
  "summary_gm_median": 620.2893676757812,
  "summary_gm_n": 11597.0,
  "summary_gm_p05": 493.6555419921875,
  "summary_gm_p95": 767.8203369140623,
  "summary_gm_stdv": 82.13632202148438,
  "summary_wm_k": 1.2769869602997046,
  "summary_wm_mad": 42.94352258413424,
  "summary_wm_mean": 997.609375,
  "summary_wm_median": 999.9889526367188,
  "summary_wm_n": 177090.0,
  "summary_wm_p05": 913.6214080810547,
  "summary_wm_p95": 1072.0733764648437,
  "summary_wm_stdv": 48.8291015625,
  "tpm_overlap_csf": 0.1567654311656952,
  "tpm_overlap_gm": 0.44977712631225586,
  "tpm_overlap_wm": 0.5078093409538269,
  "wm2max": 0.6786983996158953
}