{
  "aor": 0.0010627755102040819,
  "aqi": 0.0035437333469387753,
  "bids_meta": {
    "AcquisitionNumber": 3,
    "BidsifyVersion": "0.3.5",
    "ConversionSoftware": "dcm2niix",
    "ConversionSoftwareVersion": "v1.0.20181125  GCC6.3.0",
    "EchoTime": 0.02762,
    "EffectiveEchoSpacing": 0.0006621159151938905,
    "ImageComments": "Piop",
    "ImageOrientationPatientDICOM": [
      0.997545,
      -0.0570469,
      -0.0406113,
      0.0383218,
      0.930123,
      -0.365242
    ],
    "Manufacturer": "Philips",
    "NumberOfVolumesDiscardedByScanner": 2,
    "ParallelAcquisitionTechnique": "SENSE",
    "ParallelReductionFactorInPlane": 2,
    "PatientPosition": "HFS",
    "PhaseEncodingDirection": "j",
    "PhilipsRescaleIntercept": 0,
    "PhilipsRescaleSlope": 0.84469,
    "PhilipsScaleSlope": 0.0639167,
    "ProtocolName": "WIPpiopgstroopSENSE",
    "PulseSequenceType": "gradient echo EPI",
    "ReconMatrixPE": 80,
    "RepetitionTime": 2,
    "SeriesDescription": "ImageMRSERIES",
    "SeriesNumber": 3,
    "SliceEncodingDirection": "k",
    "SliceTiming": [
      0.0,
      0.0541,
      0.1081,
      0.1622,
      0.2162,
      0.2703,
      0.3243,
      0.3784,
      0.4324,
      0.4865,
      0.5405,
      0.5946,
      0.6486,
      0.7027,
      0.7568,
      0.8108,
      0.8649,
      0.9189,
      0.973,
      1.027,
      1.0811,
      1.1351,
      1.1892,
      1.2432,
      1.2973,
      1.3514,
      1.4054,
      1.4595,
      1.5135,
      1.5676,
      1.6216,
      1.6757,
      1.7297,
      1.7838,
      1.8378,
      1.8919,
      1.9459
    ],
    "TaskName": "gstroop",
    "TotalReadoutTime": 0.025822520692561732,
    "UsePhilipsFloatNotDisplayScaling": 1,
    "acq_id": "seq",
    "dataset": "ds002785",
    "modality": "bold",
    "subject_id": "0037",
    "task_id": "gstroop"
  },
  "dummy_trs": 0,
  "dvars_nstd": 18.31034915557376,
  "dvars_std": 1.1483396042622949,
  "dvars_vstd": 1.014984141721312,
  "efc": 0.40873030402583943,
  "fber": 161650.5,
  "fd_mean": 0.0961905198669928,
  "fd_num": 2,
  "fd_perc": 0.8163265306122449,
  "fwhm_avg": 1.759760816238139,
  "fwhm_x": 1.74462,
  "fwhm_y": 1.8410533333333332,
  "fwhm_z": 1.6936091153810837,
  "gcor": 0.0149856,
  "gsr_x": -0.021547961980104446,
  "gsr_y": 0.009097169153392315,
  "provenance": {
    "md5sum": "d35942fbebe1fafd48c0c8ebe58826a8",
    "settings": {
      "fd_thres": 0.2,
      "testing": false
    },
    "software": "mriqc",
    "version": "22.0.0rc1",
    "webapi_port": null,
    "webapi_url": "https://mriqc.nimh.nih.gov/api/v1"
  },
  "size_t": 245,
  "size_x": 80,
  "size_y": 80,
  "size_z": 37,
  "snr": 5.828070086994514,
  "spacing_tr": 2.0,
  "spacing_x": 3.0,
  "spacing_y": 3.0,
  "spacing_z": 3.299999952316284,
  "summary_bg_k": 34.501377451754585,
  "summary_bg_mad": 55.736770858938016,
  "summary_bg_mean": 531.7267456054688,
  "summary_bg_median": 51.10322189331055,
  "summary_bg_n": 165129.0,
  "summary_bg_p05": 3.2674319267272947,
  "summary_bg_p95": 2721.5020507812515,
  "summary_bg_stdv": 1460.2188720703125,
  "summary_fg_k": 2.1907640505401007,
  "summary_fg_mad": 3288.6868128539368,
  "summary_fg_mean": 21481.0078125,
  "summary_fg_median": 21089.8203125,
  "summary_fg_n": 30404.0,
  "summary_fg_p05": 16327.0798828125,
  "summary_fg_p95": 27509.90380859375,
  "summary_fg_stdv": 3618.603271484375,
  "tsnr": 84.14836120605469
}