{
  "aor": 0.00017250521920668055,
  "aqi": 0.013393141440501044,
  "bids_meta": {
    "AcquisitionNumber": 6,
    "BidsifyVersion": "0.3.5",
    "ConversionSoftware": "dcm2niix",
    "ConversionSoftwareVersion": "v1.0.20181125  GCC6.3.0",
    "EchoTime": 0.02762,
    "EffectiveEchoSpacing": 0.0006333282667071997,
    "ImageComments": "Piop",
    "ImageOrientationPatientDICOM": [
      0.997545,
      -0.0570469,
      -0.0406113,
      0.0383218,
      0.930123,
      -0.365242
    ],
    "Manufacturer": "Philips",
    "NumberOfVolumesDiscardedByScanner": 2,
    "ParallelAcquisitionTechnique": "SENSE",
    "ParallelReductionFactorInPlane": 2,
    "PatientPosition": "HFS",
    "PhaseEncodingDirection": "j",
    "PhilipsRescaleIntercept": 0,
    "PhilipsRescaleSlope": 0.77582,
    "PhilipsScaleSlope": 0.106027,
    "ProtocolName": "WIPpioprsSENSE",
    "PulseSequenceType": "gradient echo EPI",
    "ReconMatrixPE": 80,
    "RepetitionTime": 0.75,
    "SeriesDescription": "ImageMRSERIES",
    "SeriesNumber": 6,
    "SliceEncodingDirection": "k",
    "SliceTiming": [
      0.0,
      0.06755050505050506,
      0.1351010101010101,
      0.20265151515151517,
      0.2702020202020202,
      0.3377525252525253,
      0.40530303030303033,
      0.47285353535353536,
      0.5404040404040404,
      0.6079545454545455,
      0.6755050505050506,
      0.7430555555555556,
      0.0,
      0.06755050505050506,
      0.1351010101010101,
      0.20265151515151517,
      0.2702020202020202,
      0.3377525252525253,
      0.40530303030303033,
      0.47285353535353536,
      0.5404040404040404,
      0.6079545454545455,
      0.6755050505050506,
      0.7430555555555556,
      0.0,
      0.06755050505050506,
      0.1351010101010101,
      0.20265151515151517,
      0.2702020202020202,
      0.3377525252525253,
      0.40530303030303033,
      0.47285353535353536,
      0.5404040404040404,
      0.6079545454545455,
      0.6755050505050506,
      0.7430555555555556
    ],
    "TaskName": "restingstate",
    "TotalReadoutTime": 0.024699802401580786,
    "UsePhilipsFloatNotDisplayScaling": 1,
    "acq_id": "mb3",
    "dataset": "ds002785",
    "modality": "bold",
    "subject_id": "0037",
    "task_id": "restingstate"
  },
  "dummy_trs": 1,
  "dvars_nstd": 31.098427245794987,
  "dvars_std": 1.0839068528451874,
  "dvars_vstd": 0.975044181108787,
  "efc": 0.4143756619088071,
  "fber": 203233.984375,
  "fd_mean": 0.07470404172050911,
  "fd_num": 6,
  "fd_perc": 1.2526096033402923,
  "fwhm_avg": 1.8145470791500804,
  "fwhm_x": 1.8112033333333333,
  "fwhm_y": 1.8795166666666667,
  "fwhm_z": 1.7529212374502416,
  "gcor": 0.0121612,
  "gsr_x": -0.023129763081669807,
  "gsr_y": 0.00866035744547844,
  "provenance": {
    "md5sum": "7e127974436d03beca9eb7778f338425",
    "settings": {
      "fd_thres": 0.2,
      "testing": false
    },
    "software": "mriqc",
    "version": "22.0.0rc1",
    "webapi_port": null,
    "webapi_url": "https://mriqc.nimh.nih.gov/api/v1"
  },
  "size_t": 479,
  "size_x": 80,
  "size_y": 80,
  "size_z": 36,
  "snr": 6.788295509934813,
  "spacing_tr": 0.75,
  "spacing_x": 3.0,
  "spacing_y": 3.0,
  "spacing_z": 3.299999952316284,
  "summary_bg_k": 27.684133550791916,
  "summary_bg_mad": 40.80775593820963,
  "summary_bg_mean": 409.2190856933594,
  "summary_bg_median": 33.98963165283203,
  "summary_bg_n": 160186.0,
  "summary_bg_p05": 1.592161625623703,
  "summary_bg_p95": 2088.1461181640625,
  "summary_bg_stdv": 1075.6878662109375,
  "summary_fg_k": 1.29502823418464,
  "summary_fg_mad": 2175.2047675831727,
  "summary_fg_mean": 15733.7001953125,
  "summary_fg_median": 15687.44921875,
  "summary_fg_n": 29589.0,
  "summary_fg_p05": 12156.5595703125,
  "summary_fg_p95": 19510.116796874998,
  "summary_fg_stdv": 2310.91650390625,
  "tsnr": 42.796730041503906
}