{
  "aor": 0.0002466666666666667,
  "aqi": 0.00855053006060606,
  "bids_meta": {
    "AcquisitionNumber": 2,
    "BidsifyVersion": "0.3.5",
    "ConversionSoftware": "dcm2niix",
    "ConversionSoftwareVersion": "v1.0.20181125  GCC6.3.0",
    "EchoTime": 0.02762,
    "EffectiveEchoSpacing": 0.0006333282667071997,
    "ImageComments": "Piop",
    "ImageOrientationPatientDICOM": [
      0.997545,
      -0.0570469,
      -0.0406113,
      0.0383218,
      0.930123,
      -0.365242
    ],
    "Manufacturer": "Philips",
    "NumberOfVolumesDiscardedByScanner": 2,
    "ParallelAcquisitionTechnique": "SENSE",
    "ParallelReductionFactorInPlane": 2,
    "PatientPosition": "HFS",
    "PhaseEncodingDirection": "j",
    "PhilipsRescaleIntercept": 0,
    "PhilipsRescaleSlope": 0.75458,
    "PhilipsScaleSlope": 0.115425,
    "ProtocolName": "WIPpiopfacesSENSE",
    "PulseSequenceType": "gradient echo EPI",
    "ReconMatrixPE": 80,
    "RepetitionTime": 0.75,
    "SeriesDescription": "ImageMRSERIES",
    "SeriesNumber": 2,
    "SliceEncodingDirection": "k",
    "SliceTiming": [
      0.0,
      0.06755050505050506,
      0.1351010101010101,
      0.20265151515151517,
      0.2702020202020202,
      0.3377525252525253,
      0.40530303030303033,
      0.47285353535353536,
      0.5404040404040404,
      0.6079545454545455,
      0.6755050505050506,
      0.7430555555555556,
      0.0,
      0.06755050505050506,
      0.1351010101010101,
      0.20265151515151517,
      0.2702020202020202,
      0.3377525252525253,
      0.40530303030303033,
      0.47285353535353536,
      0.5404040404040404,
      0.6079545454545455,
      0.6755050505050506,
      0.7430555555555556,
      0.0,
      0.06755050505050506,
      0.1351010101010101,
      0.20265151515151517,
      0.2702020202020202,
      0.3377525252525253,
      0.40530303030303033,
      0.47285353535353536,
      0.5404040404040404,
      0.6079545454545455,
      0.6755050505050506,
      0.7430555555555556
    ],
    "TaskName": "faces",
    "TotalReadoutTime": 0.024699802401580786,
    "UsePhilipsFloatNotDisplayScaling": 1,
    "acq_id": "mb3",
    "dataset": "ds002785",
    "modality": "bold",
    "subject_id": "0037",
    "task_id": "faces"
  },
  "dummy_trs": 0,
  "dvars_nstd": 30.321220247082046,
  "dvars_std": 1.1050783755927056,
  "dvars_vstd": 1.004693377933131,
  "efc": 0.41356849656313505,
  "fber": 209646.5,
  "fd_mean": 0.07905992853423048,
  "fd_num": 0,
  "fd_perc": 0.0,
  "fwhm_avg": 1.8554260692460522,
  "fwhm_x": 1.8574133333333334,
  "fwhm_y": 1.9150466666666668,
  "fwhm_z": 1.7938182077381568,
  "gcor": 0.00704753,
  "gsr_x": -0.022944988682866096,
  "gsr_y": 0.008904359303414822,
  "provenance": {
    "md5sum": "90cbfb1ee758eb6cf9364e875155909a",
    "settings": {
      "fd_thres": 0.2,
      "testing": false
    },
    "software": "mriqc",
    "version": "22.0.0rc1",
    "webapi_port": null,
    "webapi_url": "https://mriqc.nimh.nih.gov/api/v1"
  },
  "size_t": 330,
  "size_x": 80,
  "size_y": 80,
  "size_z": 36,
  "snr": 6.578924517104838,
  "spacing_tr": 0.75,
  "spacing_x": 3.0,
  "spacing_y": 3.0,
  "spacing_z": 3.299999952316284,
  "summary_bg_k": 28.226569592093092,
  "summary_bg_mad": 38.66693382255057,
  "summary_bg_mean": 394.85260009765625,
  "summary_bg_median": 33.203712463378906,
  "summary_bg_n": 159975.0,
  "summary_bg_p05": 1.5468253493309023,
  "summary_bg_p95": 2015.1783203124974,
  "summary_bg_stdv": 1046.0032958984375,
  "summary_fg_k": 1.1682589337087759,
  "summary_fg_mad": 2257.0360124930535,
  "summary_fg_mean": 15711.9404296875,
  "summary_fg_median": 15655.056640625,
  "summary_fg_n": 29738.0,
  "summary_fg_p05": 11977.8724609375,
  "summary_fg_p95": 19599.2619140625,
  "summary_fg_stdv": 2379.536865234375,
  "tsnr": 49.45549392700195
}