{
  "aor": 0.002113950617283951,
  "aqi": 0.0034062600617283945,
  "bids_meta": {
    "AcquisitionNumber": 8,
    "BidsifyVersion": "0.3.5",
    "ConversionSoftware": "dcm2niix",
    "ConversionSoftwareVersion": "v1.0.20181125  GCC6.3.0",
    "EchoTime": 0.02762,
    "EffectiveEchoSpacing": 0.0006621159151938905,
    "ImageComments": "piop",
    "ImageOrientationPatientDICOM": [
      0.999928,
      0.00664133,
      0.0100379,
      -0.00593376,
      0.997603,
      -0.0689467
    ],
    "Manufacturer": "Philips",
    "NumberOfVolumesDiscardedByScanner": 2,
    "ParallelAcquisitionTechnique": "SENSE",
    "ParallelReductionFactorInPlane": 2,
    "PatientPosition": "HFS",
    "PhaseEncodingDirection": "j",
    "PhilipsRescaleIntercept": 0,
    "PhilipsRescaleSlope": 0.74725,
    "PhilipsScaleSlope": 0.053807,
    "ProtocolName": "WIPpiopwmSENSE",
    "PulseSequenceType": "gradient echo EPI",
    "ReconMatrixPE": 80,
    "RepetitionTime": 2,
    "SeriesDescription": "ImageMRSERIES",
    "SeriesNumber": 8,
    "SliceEncodingDirection": "k",
    "SliceTiming": [
      0.0,
      0.0541,
      0.1081,
      0.1622,
      0.2162,
      0.2703,
      0.3243,
      0.3784,
      0.4324,
      0.4865,
      0.5405,
      0.5946,
      0.6486,
      0.7027,
      0.7568,
      0.8108,
      0.8649,
      0.9189,
      0.973,
      1.027,
      1.0811,
      1.1351,
      1.1892,
      1.2432,
      1.2973,
      1.3514,
      1.4054,
      1.4595,
      1.5135,
      1.5676,
      1.6216,
      1.6757,
      1.7297,
      1.7838,
      1.8378,
      1.8919,
      1.9459
    ],
    "TaskName": "workingmemory",
    "TotalReadoutTime": 0.025822520692561732,
    "UsePhilipsFloatNotDisplayScaling": 1,
    "acq_id": "seq",
    "dataset": "ds002785",
    "modality": "bold",
    "subject_id": "0135",
    "task_id": "workingmemory"
  },
  "dummy_trs": 0,
  "dvars_nstd": 17.331313228136647,
  "dvars_std": 1.1645839772670807,
  "dvars_vstd": 1.025190406708075,
  "efc": 0.4068092220748835,
  "fber": 250979.390625,
  "fd_mean": 0.0965083113239023,
  "fd_num": 7,
  "fd_perc": 4.320987654320987,
  "fwhm_avg": 1.8549740490488194,
  "fwhm_x": 1.7815333333333332,
  "fwhm_y": 1.9885766666666667,
  "fwhm_z": 1.7948121471464584,
  "gcor": 0.061606,
  "gsr_x": -0.024507950991392136,
  "gsr_y": 0.014476558193564415,
  "provenance": {
    "md5sum": "cd83dc389ca3144080efcc5d2a875e8f",
    "settings": {
      "fd_thres": 0.2,
      "testing": false
    },
    "software": "mriqc",
    "version": "22.0.0rc1",
    "webapi_port": null,
    "webapi_url": "https://mriqc.nimh.nih.gov/api/v1"
  },
  "size_t": 162,
  "size_x": 80,
  "size_y": 80,
  "size_z": 37,
  "snr": 5.103205381315431,
  "spacing_tr": 2.0,
  "spacing_x": 3.0,
  "spacing_y": 3.0,
  "spacing_z": 3.299999952316284,
  "summary_bg_k": 83.41094149475224,
  "summary_bg_mad": 55.79054858614114,
  "summary_bg_mean": 514.3153686523438,
  "summary_bg_median": 49.740047454833984,
  "summary_bg_n": 162990.0,
  "summary_bg_p05": 1.2030800223350526,
  "summary_bg_p95": 2606.3539428710938,
  "summary_bg_stdv": 1689.6070556640625,
  "summary_fg_k": 1.876821773357582,
  "summary_fg_mad": 4491.792451804111,
  "summary_fg_mean": 26168.974609375,
  "summary_fg_median": 25561.1875,
  "summary_fg_n": 33158.0,
  "summary_fg_p05": 19069.971484375,
  "summary_fg_p95": 34740.8822265625,
  "summary_fg_stdv": 5008.77392578125,
  "tsnr": 87.99165344238281
}