{
  "aor": 0.0005867878787878788,
  "aqi": 0.007722117818181818,
  "bids_meta": {
    "AcquisitionNumber": 2,
    "BidsifyVersion": "0.3.5",
    "ConversionSoftware": "dcm2niix",
    "ConversionSoftwareVersion": "v1.0.20181125  GCC6.3.0",
    "EchoTime": 0.02762,
    "EffectiveEchoSpacing": 0.0006333282667071997,
    "ImageComments": "piop",
    "ImageOrientationPatientDICOM": [
      0.999928,
      0.00664133,
      0.0100379,
      -0.00593376,
      0.997603,
      -0.0689467
    ],
    "Manufacturer": "Philips",
    "NumberOfVolumesDiscardedByScanner": 2,
    "ParallelAcquisitionTechnique": "SENSE",
    "ParallelReductionFactorInPlane": 2,
    "PatientPosition": "HFS",
    "PhaseEncodingDirection": "j",
    "PhilipsRescaleIntercept": 0,
    "PhilipsRescaleSlope": 0.76703,
    "PhilipsScaleSlope": 0.0913384,
    "ProtocolName": "WIPpiopfacesSENSE",
    "PulseSequenceType": "gradient echo EPI",
    "ReconMatrixPE": 80,
    "RepetitionTime": 0.75,
    "SeriesDescription": "ImageMRSERIES",
    "SeriesNumber": 2,
    "SliceEncodingDirection": "k",
    "SliceTiming": [
      0.0,
      0.06755050505050506,
      0.1351010101010101,
      0.20265151515151517,
      0.2702020202020202,
      0.3377525252525253,
      0.40530303030303033,
      0.47285353535353536,
      0.5404040404040404,
      0.6079545454545455,
      0.6755050505050506,
      0.7430555555555556,
      0.0,
      0.06755050505050506,
      0.1351010101010101,
      0.20265151515151517,
      0.2702020202020202,
      0.3377525252525253,
      0.40530303030303033,
      0.47285353535353536,
      0.5404040404040404,
      0.6079545454545455,
      0.6755050505050506,
      0.7430555555555556,
      0.0,
      0.06755050505050506,
      0.1351010101010101,
      0.20265151515151517,
      0.2702020202020202,
      0.3377525252525253,
      0.40530303030303033,
      0.47285353535353536,
      0.5404040404040404,
      0.6079545454545455,
      0.6755050505050506,
      0.7430555555555556
    ],
    "TaskName": "faces",
    "TotalReadoutTime": 0.024699802401580786,
    "UsePhilipsFloatNotDisplayScaling": 1,
    "acq_id": "mb3",
    "dataset": "ds002785",
    "modality": "bold",
    "subject_id": "0135",
    "task_id": "faces"
  },
  "dummy_trs": 0,
  "dvars_nstd": 27.756043848541037,
  "dvars_std": 1.1688699391489363,
  "dvars_vstd": 0.9987405885410332,
  "efc": 0.41302051388421307,
  "fber": 231589.578125,
  "fd_mean": 0.10325801791546026,
  "fd_num": 12,
  "fd_perc": 3.6363636363636362,
  "fwhm_avg": 1.9154852613167606,
  "fwhm_x": 1.8654966666666668,
  "fwhm_y": 2.055683333333333,
  "fwhm_z": 1.8252757839502824,
  "gcor": 0.0311044,
  "gsr_x": -0.025159943848848343,
  "gsr_y": 0.011821787804365158,
  "provenance": {
    "md5sum": "0a339565bdb3dd03efd08f63da46150f",
    "settings": {
      "fd_thres": 0.2,
      "testing": false
    },
    "software": "mriqc",
    "version": "22.0.0rc1",
    "webapi_port": null,
    "webapi_url": "https://mriqc.nimh.nih.gov/api/v1"
  },
  "size_t": 330,
  "size_x": 80,
  "size_y": 80,
  "size_z": 36,
  "snr": 6.10872806251566,
  "spacing_tr": 0.75,
  "spacing_x": 3.0,
  "spacing_y": 3.0,
  "spacing_z": 3.299999952316284,
  "summary_bg_k": 61.89810727545371,
  "summary_bg_mad": 42.11025483817612,
  "summary_bg_mean": 358.32940673828125,
  "summary_bg_median": 36.05476760864258,
  "summary_bg_n": 157768.0,
  "summary_bg_p05": 0.9685193955898288,
  "summary_bg_p95": 1779.8298034667966,
  "summary_bg_stdv": 1114.484130859375,
  "summary_fg_k": 0.7020513345423574,
  "summary_fg_mad": 2706.6872579891215,
  "summary_fg_mean": 17763.974609375,
  "summary_fg_median": 17679.29296875,
  "summary_fg_n": 32553.0,
  "summary_fg_p05": 13193.694921875,
  "summary_fg_p95": 22623.94765625,
  "summary_fg_stdv": 2894.059326171875,
  "tsnr": 55.63710021972656
}