{
  "aor": 0.0002550943396226415,
  "aqi": 0.006945813773584905,
  "bids_meta": {
    "AcquisitionNumber": 6,
    "BidsifyVersion": "0.3.5",
    "ConversionSoftware": "dcm2niix",
    "ConversionSoftwareVersion": "v1.0.20181125  GCC6.3.0",
    "EchoTime": 0.02762,
    "EffectiveEchoSpacing": 0.0006333282667071997,
    "ImageComments": "piop",
    "ImageOrientationPatientDICOM": [
      0.999928,
      0.00664133,
      0.0100379,
      -0.00593376,
      0.997603,
      -0.0689467
    ],
    "Manufacturer": "Philips",
    "NumberOfVolumesDiscardedByScanner": 2,
    "ParallelAcquisitionTechnique": "SENSE",
    "ParallelReductionFactorInPlane": 2,
    "PatientPosition": "HFS",
    "PhaseEncodingDirection": "j",
    "PhilipsRescaleIntercept": 0,
    "PhilipsRescaleSlope": 0.75385,
    "PhilipsScaleSlope": 0.0914512,
    "ProtocolName": "WIPpioprsSENSE",
    "PulseSequenceType": "gradient echo EPI",
    "ReconMatrixPE": 80,
    "RepetitionTime": 0.75,
    "SeriesDescription": "ImageMRSERIES",
    "SeriesNumber": 6,
    "SliceEncodingDirection": "k",
    "SliceTiming": [
      0.0,
      0.06755050505050506,
      0.1351010101010101,
      0.20265151515151517,
      0.2702020202020202,
      0.3377525252525253,
      0.40530303030303033,
      0.47285353535353536,
      0.5404040404040404,
      0.6079545454545455,
      0.6755050505050506,
      0.7430555555555556,
      0.0,
      0.06755050505050506,
      0.1351010101010101,
      0.20265151515151517,
      0.2702020202020202,
      0.3377525252525253,
      0.40530303030303033,
      0.47285353535353536,
      0.5404040404040404,
      0.6079545454545455,
      0.6755050505050506,
      0.7430555555555556,
      0.0,
      0.06755050505050506,
      0.1351010101010101,
      0.20265151515151517,
      0.2702020202020202,
      0.3377525252525253,
      0.40530303030303033,
      0.47285353535353536,
      0.5404040404040404,
      0.6079545454545455,
      0.6755050505050506,
      0.7430555555555556
    ],
    "TaskName": "restingstate",
    "TotalReadoutTime": 0.024699802401580786,
    "UsePhilipsFloatNotDisplayScaling": 1,
    "acq_id": "mb3",
    "dataset": "ds002785",
    "modality": "bold",
    "subject_id": "0135",
    "task_id": "restingstate"
  },
  "dummy_trs": 3,
  "dvars_nstd": 26.667429042457997,
  "dvars_std": 1.1395999251680664,
  "dvars_vstd": 0.990893934936975,
  "efc": 0.41341011173261144,
  "fber": 235102.875,
  "fd_mean": 0.0972110522819206,
  "fd_num": 2,
  "fd_perc": 0.4192872117400419,
  "fwhm_avg": 1.9130035441894433,
  "fwhm_x": 1.8585733333333332,
  "fwhm_y": 2.0459433333333332,
  "fwhm_z": 1.8344939659016632,
  "gcor": 0.014219,
  "gsr_x": -0.025275008752942085,
  "gsr_y": 0.013440783135592937,
  "provenance": {
    "md5sum": "d9ed5412b1ffb3136888db2c8ffc6445",
    "settings": {
      "fd_thres": 0.2,
      "testing": false
    },
    "software": "mriqc",
    "version": "22.0.0rc1",
    "webapi_port": null,
    "webapi_url": "https://mriqc.nimh.nih.gov/api/v1"
  },
  "size_t": 477,
  "size_x": 80,
  "size_y": 80,
  "size_z": 36,
  "snr": 6.23190943668458,
  "spacing_tr": 0.75,
  "spacing_x": 3.0,
  "spacing_y": 3.0,
  "spacing_z": 3.299999952316284,
  "summary_bg_k": 64.22735410280877,
  "summary_bg_mad": 41.336406005373576,
  "summary_bg_mean": 360.2607421875,
  "summary_bg_median": 35.291015625,
  "summary_bg_n": 157840.0,
  "summary_bg_p05": 0.8668236106634141,
  "summary_bg_p95": 1797.1192138671836,
  "summary_bg_stdv": 1124.3564453125,
  "summary_fg_k": 0.6710287464976878,
  "summary_fg_mad": 2633.986178694374,
  "summary_fg_mean": 17523.9296875,
  "summary_fg_median": 17437.970703125,
  "summary_fg_n": 32530.0,
  "summary_fg_p05": 13082.02041015625,
  "summary_fg_p95": 22213.414843749997,
  "summary_fg_stdv": 2798.131591796875,
  "tsnr": 58.306365966796875
}