{
  "bids_meta": {
    "AcquisitionNumber": 4,
    "BidsifyVersion": "0.3.5",
    "ConversionSoftware": "dcm2niix",
    "ConversionSoftwareVersion": "v1.0.20181125  GCC6.3.0",
    "EchoTime": 0.00376,
    "ImageComments": "piop",
    "ImageOrientationPatientDICOM": [
      0.997928,
      0.0628679,
      -0.0136874,
      -0.0622597,
      0.997215,
      0.0410638
    ],
    "Manufacturer": "Philips",
    "PatientPosition": "HFS",
    "PhilipsRescaleIntercept": 0,
    "PhilipsRescaleSlope": 9.27546,
    "PhilipsScaleSlope": 0.00723454,
    "ProtocolName": "WIPt13dSENSE",
    "ReconMatrixPE": 240,
    "RepetitionTime": 0.00817,
    "SeriesDescription": "ImageMRSERIES",
    "SeriesNumber": 4,
    "UsePhilipsFloatNotDisplayScaling": 1,
    "dataset": "ds002785",
    "modality": "T1w",
    "subject_id": "0058"
  },
  "cjv": 0.34101075650222573,
  "cnr": 3.7128374500735895,
  "efc": 0.7578236682896825,
  "fber": 683.0265502929688,
  "fwhm_avg": 3.402243464688071,
  "fwhm_x": 3.39045020208658,
  "fwhm_y": 3.59543,
  "fwhm_z": 3.2208501919776316,
  "icvs_csf": 0.20310874730998021,
  "icvs_gm": 0.4314756297427782,
  "icvs_wm": 0.3654156229472416,
  "inu_med": 1.7586004734039307,
  "inu_range": 0.4484025835990906,
  "provenance": {
    "md5sum": "3dc63cde1cdec8488ec9d50b0cedff7b",
    "settings": {
      "testing": false
    },
    "software": "mriqc",
    "version": "22.0.0rc1",
    "warnings": {
      "large_rot_frame": true,
      "small_air_mask": true
    },
    "webapi_port": null,
    "webapi_url": "https://mriqc.nimh.nih.gov/api/v1"
  },
  "qi_1": 0.0,
  "qi_2": 0.00012095083215279836,
  "rpve_csf": 25.001937355519672,
  "rpve_gm": 12.749033822100674,
  "rpve_wm": 18.984900694595183,
  "size_x": 240,
  "size_y": 240,
  "size_z": 220,
  "snr_csf": 2.121245039877055,
  "snr_gm": 7.1792877365340235,
  "snr_total": 9.40768024107996,
  "snr_wm": 18.922507946828805,
  "snrd_csf": 20.938129724814683,
  "snrd_gm": 45.14058940411343,
  "snrd_total": 46.24481330650261,
  "snrd_wm": 72.65572079057971,
  "spacing_x": 0.9999999403953552,
  "spacing_y": 1.0,
  "spacing_z": 0.9999999403953552,
  "summary_bg_k": 40.94046406596896,
  "summary_bg_mad": 9.016868232998833,
  "summary_bg_mean": 12.909358024597168,
  "summary_bg_median": 12.075742721557617,
  "summary_bg_n": 204311.0,
  "summary_bg_p05": 0.0,
  "summary_bg_p95": 31.083904266357422,
  "summary_bg_stdv": 11.056321144104004,
  "summary_csf_k": -0.4325469245043121,
  "summary_csf_mad": 170.7894140645235,
  "summary_csf_mean": 278.9536437988281,
  "summary_csf_median": 288.1787109375,
  "summary_csf_n": 6187.0,
  "summary_csf_p05": 73.71857299804688,
  "summary_csf_p95": 476.61188659667965,
  "summary_csf_stdv": 135.84259033203125,
  "summary_gm_k": 0.37831306462246816,
  "summary_gm_mad": 82.4178066518459,
  "summary_gm_mean": 625.0537719726562,
  "summary_gm_median": 621.2855224609375,
  "summary_gm_n": 18680.0,
  "summary_gm_p05": 489.48631896972654,
  "summary_gm_p95": 775.4188079833983,
  "summary_gm_stdv": 86.53628540039062,
  "summary_wm_k": 1.344633700986357,
  "summary_wm_mad": 46.723054252855164,
  "summary_wm_mean": 997.4299926757812,
  "summary_wm_median": 999.9857788085938,
  "summary_wm_n": 218205.0,
  "summary_wm_p05": 906.8827514648438,
  "summary_wm_p95": 1078.096728515625,
  "summary_wm_stdv": 52.84624481201172,
  "tpm_overlap_csf": 0.15959447622299194,
  "tpm_overlap_gm": 0.4377550482749939,
  "tpm_overlap_wm": 0.4901926517486572,
  "wm2max": 0.6329230709557252
}