{
  "aor": 0.0042301886792452835,
  "aqi": 0.009894815283018868,
  "bids_meta": {
    "AcquisitionNumber": 8,
    "BidsifyVersion": "0.3.5",
    "ConversionSoftware": "dcm2niix",
    "ConversionSoftwareVersion": "v1.0.20181125  GCC6.3.0",
    "EchoTime": 0.02762,
    "EffectiveEchoSpacing": 0.0006621159151938905,
    "ImageComments": "PIOP",
    "ImageOrientationPatientDICOM": [
      0.999204,
      -0.0252085,
      0.0309255,
      0.030703,
      0.980813,
      -0.192519
    ],
    "Manufacturer": "Philips",
    "NumberOfVolumesDiscardedByScanner": 2,
    "ParallelAcquisitionTechnique": "SENSE",
    "ParallelReductionFactorInPlane": 2,
    "PatientPosition": "HFS",
    "PhaseEncodingDirection": "j",
    "PhilipsRescaleIntercept": 0,
    "PhilipsRescaleSlope": 0.79634,
    "PhilipsScaleSlope": 0.0636792,
    "ProtocolName": "WIPpiopwmSENSE",
    "PulseSequenceType": "gradient echo EPI",
    "ReconMatrixPE": 80,
    "RepetitionTime": 2,
    "SeriesDescription": "ImageMRSERIES",
    "SeriesNumber": 8,
    "SliceEncodingDirection": "k",
    "SliceTiming": [
      0.0,
      0.0541,
      0.1081,
      0.1622,
      0.2162,
      0.2703,
      0.3243,
      0.3784,
      0.4324,
      0.4865,
      0.5405,
      0.5946,
      0.6486,
      0.7027,
      0.7568,
      0.8108,
      0.8649,
      0.9189,
      0.973,
      1.027,
      1.0811,
      1.1351,
      1.1892,
      1.2432,
      1.2973,
      1.3514,
      1.4054,
      1.4595,
      1.5135,
      1.5676,
      1.6216,
      1.6757,
      1.7297,
      1.7838,
      1.8378,
      1.8919,
      1.9459
    ],
    "TaskName": "workingmemory",
    "TotalReadoutTime": 0.025822520692561732,
    "UsePhilipsFloatNotDisplayScaling": 1,
    "acq_id": "seq",
    "dataset": "ds002785",
    "modality": "bold",
    "subject_id": "0047",
    "task_id": "workingmemory"
  },
  "dummy_trs": 3,
  "dvars_nstd": 27.003000561202533,
  "dvars_std": 1.1874855812025313,
  "dvars_vstd": 0.9802700061392406,
  "efc": 0.4247226980700269,
  "fber": 154056.109375,
  "fd_mean": 0.20172920903425912,
  "fd_num": 58,
  "fd_perc": 36.477987421383645,
  "fwhm_avg": 1.7889065739734553,
  "fwhm_x": 1.7638166666666668,
  "fwhm_y": 1.8761666666666665,
  "fwhm_z": 1.7267363885870324,
  "gcor": 0.0364902,
  "gsr_x": -0.01496803481131792,
  "gsr_y": 0.012240367941558361,
  "provenance": {
    "md5sum": "1633f120feaf5b88992b6a5e42eb572e",
    "settings": {
      "fd_thres": 0.2,
      "testing": false
    },
    "software": "mriqc",
    "version": "22.0.0rc1",
    "webapi_port": null,
    "webapi_url": "https://mriqc.nimh.nih.gov/api/v1"
  },
  "size_t": 159,
  "size_x": 80,
  "size_y": 80,
  "size_z": 37,
  "snr": 5.0314677250500415,
  "spacing_tr": 2.0,
  "spacing_x": 3.0,
  "spacing_y": 3.0,
  "spacing_z": 3.299999952316284,
  "summary_bg_k": 48.48320336165451,
  "summary_bg_mad": 53.861511840260796,
  "summary_bg_mean": 403.84686279296875,
  "summary_bg_median": 53.309173583984375,
  "summary_bg_n": 158490.0,
  "summary_bg_p05": 3.773565793037415,
  "summary_bg_p95": 2172.1126342773414,
  "summary_bg_stdv": 1181.236328125,
  "summary_fg_k": 2.339047472626592,
  "summary_fg_mad": 3682.1207937600293,
  "summary_fg_mean": 22025.259765625,
  "summary_fg_median": 21444.470703125,
  "summary_fg_n": 36798.0,
  "summary_fg_p05": 16316.7005859375,
  "summary_fg_p95": 29451.871484375006,
  "summary_fg_stdv": 4262.0126953125,
  "tsnr": 56.69087600708008
}