{
  "aor": 0.0011155454545454543,
  "aqi": 0.009990847212121212,
  "bids_meta": {
    "AcquisitionNumber": 2,
    "BidsifyVersion": "0.3.5",
    "ConversionSoftware": "dcm2niix",
    "ConversionSoftwareVersion": "v1.0.20181125  GCC6.3.0",
    "EchoTime": 0.02762,
    "EffectiveEchoSpacing": 0.0006333282667071997,
    "ImageComments": "PIOP",
    "ImageOrientationPatientDICOM": [
      0.999204,
      -0.0252085,
      0.0309255,
      0.030703,
      0.980813,
      -0.192519
    ],
    "Manufacturer": "Philips",
    "NumberOfVolumesDiscardedByScanner": 2,
    "ParallelAcquisitionTechnique": "SENSE",
    "ParallelReductionFactorInPlane": 2,
    "PatientPosition": "HFS",
    "PhaseEncodingDirection": "j",
    "PhilipsRescaleIntercept": 0,
    "PhilipsRescaleSlope": 0.76068,
    "PhilipsScaleSlope": 0.0996764,
    "ProtocolName": "WIPpiopfacesSENSE",
    "PulseSequenceType": "gradient echo EPI",
    "ReconMatrixPE": 80,
    "RepetitionTime": 0.75,
    "SeriesDescription": "ImageMRSERIES",
    "SeriesNumber": 2,
    "SliceEncodingDirection": "k",
    "SliceTiming": [
      0.0,
      0.06755050505050506,
      0.1351010101010101,
      0.20265151515151517,
      0.2702020202020202,
      0.3377525252525253,
      0.40530303030303033,
      0.47285353535353536,
      0.5404040404040404,
      0.6079545454545455,
      0.6755050505050506,
      0.7430555555555556,
      0.0,
      0.06755050505050506,
      0.1351010101010101,
      0.20265151515151517,
      0.2702020202020202,
      0.3377525252525253,
      0.40530303030303033,
      0.47285353535353536,
      0.5404040404040404,
      0.6079545454545455,
      0.6755050505050506,
      0.7430555555555556,
      0.0,
      0.06755050505050506,
      0.1351010101010101,
      0.20265151515151517,
      0.2702020202020202,
      0.3377525252525253,
      0.40530303030303033,
      0.47285353535353536,
      0.5404040404040404,
      0.6079545454545455,
      0.6755050505050506,
      0.7430555555555556
    ],
    "TaskName": "faces",
    "TotalReadoutTime": 0.024699802401580786,
    "UsePhilipsFloatNotDisplayScaling": 1,
    "acq_id": "mb3",
    "dataset": "ds002785",
    "modality": "bold",
    "subject_id": "0047",
    "task_id": "faces"
  },
  "dummy_trs": 0,
  "dvars_nstd": 30.03122337838905,
  "dvars_std": 1.1469896350759867,
  "dvars_vstd": 1.0223379782066873,
  "efc": 0.42824333512200324,
  "fber": 201692.515625,
  "fd_mean": 0.1381397529184563,
  "fd_num": 53,
  "fd_perc": 16.060606060606062,
  "fwhm_avg": 1.8562989984279383,
  "fwhm_x": 1.83802,
  "fwhm_y": 1.9601133333333334,
  "fwhm_z": 1.770763661950482,
  "gcor": 0.0374847,
  "gsr_x": -0.01590479351580143,
  "gsr_y": 0.010942500084638596,
  "provenance": {
    "md5sum": "c1f0b9b91a9720008bbf4e5562b38477",
    "settings": {
      "fd_thres": 0.2,
      "testing": false
    },
    "software": "mriqc",
    "version": "22.0.0rc1",
    "webapi_port": null,
    "webapi_url": "https://mriqc.nimh.nih.gov/api/v1"
  },
  "size_t": 330,
  "size_x": 80,
  "size_y": 80,
  "size_z": 36,
  "snr": 6.138582274258138,
  "spacing_tr": 0.75,
  "spacing_x": 3.0,
  "spacing_y": 3.0,
  "spacing_z": 3.299999952316284,
  "summary_bg_k": 43.59934587081204,
  "summary_bg_mad": 39.35313236188141,
  "summary_bg_mean": 304.7979431152344,
  "summary_bg_median": 36.255374908447266,
  "summary_bg_n": 153749.0,
  "summary_bg_p05": 1.761992859840393,
  "summary_bg_p95": 1624.1502929687506,
  "summary_bg_stdv": 875.6055297851562,
  "summary_fg_k": 1.4633294583649281,
  "summary_fg_mad": 2469.870510657432,
  "summary_fg_mean": 16816.005859375,
  "summary_fg_median": 16657.58203125,
  "summary_fg_n": 35931.0,
  "summary_fg_p05": 12797.0859375,
  "summary_fg_p95": 21428.748046875,
  "summary_fg_stdv": 2713.550048828125,
  "tsnr": 48.872032165527344
}