{
  "aor": 0.0027032244897959184,
  "aqi": 0.006030740612244899,
  "bids_meta": {
    "AcquisitionNumber": 3,
    "BidsifyVersion": "0.3.5",
    "ConversionSoftware": "dcm2niix",
    "ConversionSoftwareVersion": "v1.0.20181125  GCC6.3.0",
    "EchoTime": 0.02762,
    "EffectiveEchoSpacing": 0.0006621159151938905,
    "ImageComments": "PIOP",
    "ImageOrientationPatientDICOM": [
      0.999204,
      -0.0252085,
      0.0309255,
      0.030703,
      0.980813,
      -0.192519
    ],
    "Manufacturer": "Philips",
    "NumberOfVolumesDiscardedByScanner": 2,
    "ParallelAcquisitionTechnique": "SENSE",
    "ParallelReductionFactorInPlane": 2,
    "PatientPosition": "HFS",
    "PhaseEncodingDirection": "j",
    "PhilipsRescaleIntercept": 0,
    "PhilipsRescaleSlope": 0.80488,
    "PhilipsScaleSlope": 0.0631754,
    "ProtocolName": "WIPpiopgstroopSENSE",
    "PulseSequenceType": "gradient echo EPI",
    "ReconMatrixPE": 80,
    "RepetitionTime": 2,
    "SeriesDescription": "ImageMRSERIES",
    "SeriesNumber": 3,
    "SliceEncodingDirection": "k",
    "SliceTiming": [
      0.0,
      0.0541,
      0.1081,
      0.1622,
      0.2162,
      0.2703,
      0.3243,
      0.3784,
      0.4324,
      0.4865,
      0.5405,
      0.5946,
      0.6486,
      0.7027,
      0.7568,
      0.8108,
      0.8649,
      0.9189,
      0.973,
      1.027,
      1.0811,
      1.1351,
      1.1892,
      1.2432,
      1.2973,
      1.3514,
      1.4054,
      1.4595,
      1.5135,
      1.5676,
      1.6216,
      1.6757,
      1.7297,
      1.7838,
      1.8378,
      1.8919,
      1.9459
    ],
    "TaskName": "gstroop",
    "TotalReadoutTime": 0.025822520692561732,
    "UsePhilipsFloatNotDisplayScaling": 1,
    "acq_id": "seq",
    "dataset": "ds002785",
    "modality": "bold",
    "subject_id": "0047",
    "task_id": "gstroop"
  },
  "dummy_trs": 0,
  "dvars_nstd": 25.88269762897541,
  "dvars_std": 1.2568089820901647,
  "dvars_vstd": 1.017561860163934,
  "efc": 0.4219590725904276,
  "fber": 159438.046875,
  "fd_mean": 0.18886148028483815,
  "fd_num": 70,
  "fd_perc": 28.571428571428573,
  "fwhm_avg": 1.7935799073480503,
  "fwhm_x": 1.7567033333333333,
  "fwhm_y": 1.8887333333333334,
  "fwhm_z": 1.735303055377484,
  "gcor": 0.0549928,
  "gsr_x": -0.014141600579023361,
  "gsr_y": 0.012048031203448772,
  "provenance": {
    "md5sum": "348b1f1be1a360d2b5f84eb147593430",
    "settings": {
      "fd_thres": 0.2,
      "testing": false
    },
    "software": "mriqc",
    "version": "22.0.0rc1",
    "webapi_port": null,
    "webapi_url": "https://mriqc.nimh.nih.gov/api/v1"
  },
  "size_t": 245,
  "size_x": 80,
  "size_y": 80,
  "size_z": 37,
  "snr": 5.062939326355418,
  "spacing_tr": 2.0,
  "spacing_x": 3.0,
  "spacing_y": 3.0,
  "spacing_z": 3.299999952316284,
  "summary_bg_k": 49.77081948105579,
  "summary_bg_mad": 53.34161499621488,
  "summary_bg_mean": 380.0820007324219,
  "summary_bg_median": 52.63481140136719,
  "summary_bg_n": 158817.0,
  "summary_bg_p05": 3.4920111656188966,
  "summary_bg_p95": 2024.5228027343737,
  "summary_bg_stdv": 1128.4742431640625,
  "summary_fg_k": 2.397620590475265,
  "summary_fg_mad": 3670.7869947693434,
  "summary_fg_mean": 22037.814453125,
  "summary_fg_median": 21478.962890625,
  "summary_fg_n": 36627.0,
  "summary_fg_p05": 16349.3337890625,
  "summary_fg_p95": 29467.143554687493,
  "summary_fg_stdv": 4242.33203125,
  "tsnr": 67.32376098632812
}