{
  "aor": 0.00351845,
  "aqi": 0.0065162792,
  "bids_meta": {
    "AcquisitionNumber": 9,
    "BidsifyVersion": "0.3.5",
    "ConversionSoftware": "dcm2niix",
    "ConversionSoftwareVersion": "v1.0.20181125  GCC6.3.0",
    "EchoTime": 0.02762,
    "EffectiveEchoSpacing": 0.0006621159151938905,
    "ImageComments": "PIOP",
    "ImageOrientationPatientDICOM": [
      0.999204,
      -0.0252085,
      0.0309255,
      0.030703,
      0.980813,
      -0.192519
    ],
    "Manufacturer": "Philips",
    "NumberOfVolumesDiscardedByScanner": 2,
    "ParallelAcquisitionTechnique": "SENSE",
    "ParallelReductionFactorInPlane": 2,
    "PatientPosition": "HFS",
    "PhaseEncodingDirection": "j",
    "PhilipsRescaleIntercept": 0,
    "PhilipsRescaleSlope": 0.78217,
    "PhilipsScaleSlope": 0.0630868,
    "ProtocolName": "WIPpiopanticipatieSENSE",
    "PulseSequenceType": "gradient echo EPI",
    "ReconMatrixPE": 80,
    "RepetitionTime": 2,
    "SeriesDescription": "ImageMRSERIES",
    "SeriesNumber": 9,
    "SliceEncodingDirection": "k",
    "SliceTiming": [
      0.0,
      0.0541,
      0.1081,
      0.1622,
      0.2162,
      0.2703,
      0.3243,
      0.3784,
      0.4324,
      0.4865,
      0.5405,
      0.5946,
      0.6486,
      0.7027,
      0.7568,
      0.8108,
      0.8649,
      0.9189,
      0.973,
      1.027,
      1.0811,
      1.1351,
      1.1892,
      1.2432,
      1.2973,
      1.3514,
      1.4054,
      1.4595,
      1.5135,
      1.5676,
      1.6216,
      1.6757,
      1.7297,
      1.7838,
      1.8378,
      1.8919,
      1.9459
    ],
    "TaskName": "anticipation",
    "TotalReadoutTime": 0.025822520692561732,
    "UsePhilipsFloatNotDisplayScaling": 1,
    "acq_id": "seq",
    "dataset": "ds002785",
    "modality": "bold",
    "subject_id": "0047",
    "task_id": "anticipation"
  },
  "dummy_trs": 0,
  "dvars_nstd": 27.671207083165832,
  "dvars_std": 1.2541765125125635,
  "dvars_vstd": 1.0158490172864318,
  "efc": 0.42349273533439113,
  "fber": 155854.84375,
  "fd_mean": 0.204960420558853,
  "fd_num": 69,
  "fd_perc": 34.5,
  "fwhm_avg": 1.7896052608933875,
  "fwhm_x": 1.7586233333333334,
  "fwhm_y": 1.8728166666666668,
  "fwhm_z": 1.7373757826801617,
  "gcor": 0.0476917,
  "gsr_x": -0.014489108696579933,
  "gsr_y": 0.011322647333145142,
  "provenance": {
    "md5sum": "235c225b53050be8aefc023f34c690ab",
    "settings": {
      "fd_thres": 0.2,
      "testing": false
    },
    "software": "mriqc",
    "version": "22.0.0rc1",
    "webapi_port": null,
    "webapi_url": "https://mriqc.nimh.nih.gov/api/v1"
  },
  "size_t": 200,
  "size_x": 80,
  "size_y": 80,
  "size_z": 37,
  "snr": 5.0158018694556485,
  "spacing_tr": 2.0,
  "spacing_x": 3.0,
  "spacing_y": 3.0,
  "spacing_z": 3.299999952316284,
  "summary_bg_k": 46.11816965096812,
  "summary_bg_mad": 53.61270015641806,
  "summary_bg_mean": 394.3091735839844,
  "summary_bg_median": 52.830535888671875,
  "summary_bg_n": 158606.0,
  "summary_bg_p05": 3.551066756248474,
  "summary_bg_p95": 2122.369384765625,
  "summary_bg_stdv": 1152.7130126953125,
  "summary_fg_k": 2.4011331193822336,
  "summary_fg_mad": 3710.0122479956653,
  "summary_fg_mean": 21941.875,
  "summary_fg_median": 21356.953125,
  "summary_fg_n": 36716.0,
  "summary_fg_p05": 16253.92041015625,
  "summary_fg_p95": 29377.76806640625,
  "summary_fg_stdv": 4257.8759765625,
  "tsnr": 64.2322998046875
}