{
  "aor": 0.0034561481481481483,
  "aqi": 0.005346388592592592,
  "bids_meta": {
    "AcquisitionNumber": 5,
    "BidsifyVersion": "0.3.5",
    "ConversionSoftware": "dcm2niix",
    "ConversionSoftwareVersion": "v1.0.20181125  GCC6.3.0",
    "EchoTime": 0.02762,
    "EffectiveEchoSpacing": 0.0006621159151938905,
    "ImageComments": "PIOP",
    "ImageOrientationPatientDICOM": [
      0.999204,
      -0.0252085,
      0.0309255,
      0.030703,
      0.980813,
      -0.192519
    ],
    "Manufacturer": "Philips",
    "NumberOfVolumesDiscardedByScanner": 2,
    "ParallelAcquisitionTechnique": "SENSE",
    "ParallelReductionFactorInPlane": 2,
    "PatientPosition": "HFS",
    "PhaseEncodingDirection": "j",
    "PhilipsRescaleIntercept": 0,
    "PhilipsRescaleSlope": 0.83346,
    "PhilipsScaleSlope": 0.0603098,
    "ProtocolName": "WIPpiopharririSENSE",
    "PulseSequenceType": "gradient echo EPI",
    "ReconMatrixPE": 80,
    "RepetitionTime": 2,
    "SeriesDescription": "ImageMRSERIES",
    "SeriesNumber": 5,
    "SliceEncodingDirection": "k",
    "SliceTiming": [
      0.0,
      0.0541,
      0.1081,
      0.1622,
      0.2162,
      0.2703,
      0.3243,
      0.3784,
      0.4324,
      0.4865,
      0.5405,
      0.5946,
      0.6486,
      0.7027,
      0.7568,
      0.8108,
      0.8649,
      0.9189,
      0.973,
      1.027,
      1.0811,
      1.1351,
      1.1892,
      1.2432,
      1.2973,
      1.3514,
      1.4054,
      1.4595,
      1.5135,
      1.5676,
      1.6216,
      1.6757,
      1.7297,
      1.7838,
      1.8378,
      1.8919,
      1.9459
    ],
    "TaskName": "emomatching",
    "TotalReadoutTime": 0.025822520692561732,
    "UsePhilipsFloatNotDisplayScaling": 1,
    "acq_id": "seq",
    "dataset": "ds002785",
    "modality": "bold",
    "subject_id": "0047",
    "task_id": "emomatching"
  },
  "dummy_trs": 0,
  "dvars_nstd": 25.2311827672388,
  "dvars_std": 1.277644106567164,
  "dvars_vstd": 1.0291405626119403,
  "efc": 0.4240777967174078,
  "fber": 159228.296875,
  "fd_mean": 0.17147657203657332,
  "fd_num": 32,
  "fd_perc": 23.703703703703702,
  "fwhm_avg": 1.7955787961735215,
  "fwhm_x": 1.7755533333333335,
  "fwhm_y": 1.8890466666666665,
  "fwhm_z": 1.7221363885205643,
  "gcor": 0.0502235,
  "gsr_x": -0.014734964817762375,
  "gsr_y": 0.011952513828873634,
  "provenance": {
    "md5sum": "b4948522a1fbc5127db8b893f7150f64",
    "settings": {
      "fd_thres": 0.2,
      "testing": false
    },
    "software": "mriqc",
    "version": "22.0.0rc1",
    "webapi_port": null,
    "webapi_url": "https://mriqc.nimh.nih.gov/api/v1"
  },
  "size_t": 135,
  "size_x": 80,
  "size_y": 80,
  "size_z": 37,
  "snr": 4.983520901204227,
  "spacing_tr": 2.0,
  "spacing_x": 3.0,
  "spacing_y": 3.0,
  "spacing_z": 3.299999952316284,
  "summary_bg_k": 47.558685365082674,
  "summary_bg_mad": 55.78711346833389,
  "summary_bg_mean": 399.394775390625,
  "summary_bg_median": 53.06783676147461,
  "summary_bg_n": 158441.0,
  "summary_bg_p05": 3.0276851654052734,
  "summary_bg_p95": 2136.35888671875,
  "summary_bg_stdv": 1179.0435791015625,
  "summary_fg_k": 2.3213547623133755,
  "summary_fg_mad": 3764.0056092578834,
  "summary_fg_mean": 22239.62109375,
  "summary_fg_median": 21665.328125,
  "summary_fg_n": 36911.0,
  "summary_fg_p05": 16395.0,
  "summary_fg_p95": 29886.474609375,
  "summary_fg_stdv": 4347.3349609375,
  "tsnr": 69.9368896484375
}