{
  "aor": 0.013201450000000002,
  "aqi": 0.01740001415,
  "bids_meta": {
    "AcquisitionNumber": 9,
    "BidsifyVersion": "0.3.5",
    "ConversionSoftware": "dcm2niix",
    "ConversionSoftwareVersion": "v1.0.20181125  GCC6.3.0",
    "EchoTime": 0.02762,
    "EffectiveEchoSpacing": 0.0006621159151938905,
    "ImageComments": "piop",
    "ImageOrientationPatientDICOM": [
      0.992333,
      0.121988,
      0.0198353,
      -0.10973,
      0.943473,
      -0.31276
    ],
    "Manufacturer": "Philips",
    "NumberOfVolumesDiscardedByScanner": 2,
    "ParallelAcquisitionTechnique": "SENSE",
    "ParallelReductionFactorInPlane": 2,
    "PatientPosition": "HFS",
    "PhaseEncodingDirection": "j",
    "PhilipsRescaleIntercept": 0,
    "PhilipsRescaleSlope": 0.82515,
    "PhilipsScaleSlope": 0.0662211,
    "ProtocolName": "WIPpiopanticipatieSENSE",
    "PulseSequenceType": "gradient echo EPI",
    "ReconMatrixPE": 80,
    "RepetitionTime": 2,
    "SeriesDescription": "ImageMRSERIES",
    "SeriesNumber": 9,
    "SliceEncodingDirection": "k",
    "SliceTiming": [
      0.0,
      0.0541,
      0.1081,
      0.1622,
      0.2162,
      0.2703,
      0.3243,
      0.3784,
      0.4324,
      0.4865,
      0.5405,
      0.5946,
      0.6486,
      0.7027,
      0.7568,
      0.8108,
      0.8649,
      0.9189,
      0.973,
      1.027,
      1.0811,
      1.1351,
      1.1892,
      1.2432,
      1.2973,
      1.3514,
      1.4054,
      1.4595,
      1.5135,
      1.5676,
      1.6216,
      1.6757,
      1.7297,
      1.7838,
      1.8378,
      1.8919,
      1.9459
    ],
    "TaskName": "anticipation",
    "TotalReadoutTime": 0.025822520692561732,
    "UsePhilipsFloatNotDisplayScaling": 1,
    "acq_id": "seq",
    "dataset": "ds002785",
    "modality": "bold",
    "subject_id": "0041",
    "task_id": "anticipation"
  },
  "dummy_trs": 0,
  "dvars_nstd": 31.647023464824102,
  "dvars_std": 1.198276315829146,
  "dvars_vstd": 1.0671030758291455,
  "efc": 0.41511651801753563,
  "fber": 140411.859375,
  "fd_mean": 0.3770866336837283,
  "fd_num": 125,
  "fd_perc": 62.5,
  "fwhm_avg": 1.7344696604405583,
  "fwhm_x": 1.687869865860155,
  "fwhm_y": 1.8163633333333333,
  "fwhm_z": 1.6991757821281865,
  "gcor": 0.0337141,
  "gsr_x": -0.015131859108805656,
  "gsr_y": 0.0184022169560194,
  "provenance": {
    "md5sum": "23fa98e2cec413ec7d85eec9aa86ec6d",
    "settings": {
      "fd_thres": 0.2,
      "testing": false
    },
    "software": "mriqc",
    "version": "22.0.0rc1",
    "webapi_port": null,
    "webapi_url": "https://mriqc.nimh.nih.gov/api/v1"
  },
  "size_t": 200,
  "size_x": 80,
  "size_y": 80,
  "size_z": 37,
  "snr": 5.233675508570636,
  "spacing_tr": 2.0,
  "spacing_x": 3.000000238418579,
  "spacing_y": 3.0,
  "spacing_z": 3.299999952316284,
  "summary_bg_k": 58.061653987899014,
  "summary_bg_mad": 57.62110158613606,
  "summary_bg_mean": 454.54925537109375,
  "summary_bg_median": 58.789642333984375,
  "summary_bg_n": 162008.0,
  "summary_bg_p05": 7.3818694114685055,
  "summary_bg_p95": 2509.3592163085905,
  "summary_bg_stdv": 1234.3402099609375,
  "summary_fg_k": 2.3269103713195474,
  "summary_fg_mad": 3712.5054521170196,
  "summary_fg_mean": 22876.255859375,
  "summary_fg_median": 22275.521484375,
  "summary_fg_n": 34121.0,
  "summary_fg_p05": 17186.755859375,
  "summary_fg_p95": 30297.234375,
  "summary_fg_stdv": 4256.12841796875,
  "tsnr": 41.82774353027344
}