{
  "aor": 0.004949629629629629,
  "aqi": 0.02497559259259259,
  "bids_meta": {
    "AcquisitionNumber": 8,
    "BidsifyVersion": "0.3.5",
    "ConversionSoftware": "dcm2niix",
    "ConversionSoftwareVersion": "v1.0.20181125  GCC6.3.0",
    "EchoTime": 0.02762,
    "EffectiveEchoSpacing": 0.0006621159151938905,
    "ImageComments": "piop",
    "ImageOrientationPatientDICOM": [
      0.992333,
      0.121988,
      0.0198353,
      -0.10973,
      0.943473,
      -0.31276
    ],
    "Manufacturer": "Philips",
    "NumberOfVolumesDiscardedByScanner": 2,
    "ParallelAcquisitionTechnique": "SENSE",
    "ParallelReductionFactorInPlane": 2,
    "PatientPosition": "HFS",
    "PhaseEncodingDirection": "j",
    "PhilipsRescaleIntercept": 0,
    "PhilipsRescaleSlope": 0.82808,
    "PhilipsScaleSlope": 0.0692057,
    "ProtocolName": "WIPpiopwmSENSE",
    "PulseSequenceType": "gradient echo EPI",
    "ReconMatrixPE": 80,
    "RepetitionTime": 2,
    "SeriesDescription": "ImageMRSERIES",
    "SeriesNumber": 8,
    "SliceEncodingDirection": "k",
    "SliceTiming": [
      0.0,
      0.0541,
      0.1081,
      0.1622,
      0.2162,
      0.2703,
      0.3243,
      0.3784,
      0.4324,
      0.4865,
      0.5405,
      0.5946,
      0.6486,
      0.7027,
      0.7568,
      0.8108,
      0.8649,
      0.9189,
      0.973,
      1.027,
      1.0811,
      1.1351,
      1.1892,
      1.2432,
      1.2973,
      1.3514,
      1.4054,
      1.4595,
      1.5135,
      1.5676,
      1.6216,
      1.6757,
      1.7297,
      1.7838,
      1.8378,
      1.8919,
      1.9459
    ],
    "TaskName": "workingmemory",
    "TotalReadoutTime": 0.025822520692561732,
    "UsePhilipsFloatNotDisplayScaling": 1,
    "acq_id": "seq",
    "dataset": "ds002785",
    "modality": "bold",
    "subject_id": "0041",
    "task_id": "workingmemory"
  },
  "dummy_trs": 0,
  "dvars_nstd": 32.65183513931678,
  "dvars_std": 1.0103265696894412,
  "dvars_vstd": 0.9190801266459631,
  "efc": 0.41233249991956916,
  "fber": 137899.84375,
  "fd_mean": 0.39891579059828913,
  "fd_num": 93,
  "fd_perc": 57.407407407407405,
  "fwhm_avg": 1.7416481450190062,
  "fwhm_x": 1.6973565317728891,
  "fwhm_y": 1.8323,
  "fwhm_z": 1.6952879032841293,
  "gcor": 0.0153858,
  "gsr_x": -0.014194710180163383,
  "gsr_y": 0.01953347586095333,
  "provenance": {
    "md5sum": "c6d1ab08247a32853de8ead3f36f861b",
    "settings": {
      "fd_thres": 0.2,
      "testing": false
    },
    "software": "mriqc",
    "version": "22.0.0rc1",
    "webapi_port": null,
    "webapi_url": "https://mriqc.nimh.nih.gov/api/v1"
  },
  "size_t": 162,
  "size_x": 80,
  "size_y": 80,
  "size_z": 37,
  "snr": 5.150446365190112,
  "spacing_tr": 2.0,
  "spacing_x": 3.000000238418579,
  "spacing_y": 3.0,
  "spacing_z": 3.299999952316284,
  "summary_bg_k": 61.42163879078558,
  "summary_bg_mad": 59.59615364030132,
  "summary_bg_mean": 451.4609680175781,
  "summary_bg_median": 60.760440826416016,
  "summary_bg_n": 162583.0,
  "summary_bg_p05": 8.423347187042237,
  "summary_bg_p95": 2472.1420410156234,
  "summary_bg_stdv": 1214.0208740234375,
  "summary_fg_k": 2.363619629592092,
  "summary_fg_mad": 3861.8747299240013,
  "summary_fg_mean": 23386.330078125,
  "summary_fg_median": 22738.421875,
  "summary_fg_n": 33900.0,
  "summary_fg_p05": 17521.837890625,
  "summary_fg_p95": 31161.711425781246,
  "summary_fg_stdv": 4414.77978515625,
  "tsnr": 36.61003875732422
}