{
  "aor": 0.002495679012345679,
  "aqi": 0.0060885690740740735,
  "bids_meta": {
    "AcquisitionNumber": 8,
    "BidsifyVersion": "0.3.5",
    "ConversionSoftware": "dcm2niix",
    "ConversionSoftwareVersion": "v1.0.20181125  GCC6.3.0",
    "EchoTime": 0.02762,
    "EffectiveEchoSpacing": 0.0006621159151938905,
    "ImageComments": "PIOP",
    "ImageOrientationPatientDICOM": [
      0.999383,
      -0.0118446,
      0.0330671,
      0.0150017,
      0.995179,
      -0.0969238
    ],
    "Manufacturer": "Philips",
    "NumberOfVolumesDiscardedByScanner": 2,
    "ParallelAcquisitionTechnique": "SENSE",
    "ParallelReductionFactorInPlane": 2,
    "PatientPosition": "HFS",
    "PhaseEncodingDirection": "j",
    "PhilipsRescaleIntercept": 0,
    "PhilipsRescaleSlope": 0.78706,
    "PhilipsScaleSlope": 0.0556074,
    "ProtocolName": "WIPpiopwmSENSE",
    "PulseSequenceType": "gradient echo EPI",
    "ReconMatrixPE": 80,
    "RepetitionTime": 2,
    "SeriesDescription": "ImageMRSERIES",
    "SeriesNumber": 8,
    "SliceEncodingDirection": "k",
    "SliceTiming": [
      0.0,
      0.0541,
      0.1081,
      0.1622,
      0.2162,
      0.2703,
      0.3243,
      0.3784,
      0.4324,
      0.4865,
      0.5405,
      0.5946,
      0.6486,
      0.7027,
      0.7568,
      0.8108,
      0.8649,
      0.9189,
      0.973,
      1.027,
      1.0811,
      1.1351,
      1.1892,
      1.2432,
      1.2973,
      1.3514,
      1.4054,
      1.4595,
      1.5135,
      1.5676,
      1.6216,
      1.6757,
      1.7297,
      1.7838,
      1.8378,
      1.8919,
      1.9459
    ],
    "TaskName": "workingmemory",
    "TotalReadoutTime": 0.025822520692561732,
    "UsePhilipsFloatNotDisplayScaling": 1,
    "acq_id": "seq",
    "dataset": "ds002785",
    "modality": "bold",
    "subject_id": "0111",
    "task_id": "workingmemory"
  },
  "dummy_trs": 0,
  "dvars_nstd": 22.828559354472052,
  "dvars_std": 1.2455722313664597,
  "dvars_vstd": 0.9893895030434782,
  "efc": 0.4050451186891719,
  "fber": 164083.8125,
  "fd_mean": 0.13972096569667536,
  "fd_num": 24,
  "fd_perc": 14.814814814814815,
  "fwhm_avg": 1.8923417257270838,
  "fwhm_x": 1.8571,
  "fwhm_y": 2.043676666666667,
  "fwhm_z": 1.7762485105145847,
  "gcor": 0.0305616,
  "gsr_x": -0.017064237967133522,
  "gsr_y": 0.011075719259679317,
  "provenance": {
    "md5sum": "d8157f506b60cc9196a52fff84d07575",
    "settings": {
      "fd_thres": 0.2,
      "testing": false
    },
    "software": "mriqc",
    "version": "22.0.0rc1",
    "webapi_port": null,
    "webapi_url": "https://mriqc.nimh.nih.gov/api/v1"
  },
  "size_t": 162,
  "size_x": 80,
  "size_y": 80,
  "size_z": 37,
  "snr": 5.007070989254292,
  "spacing_tr": 2.0,
  "spacing_x": 3.0,
  "spacing_y": 3.0,
  "spacing_z": 3.299999952316284,
  "summary_bg_k": 61.49301099324201,
  "summary_bg_mad": 61.025296970486494,
  "summary_bg_mean": 561.487548828125,
  "summary_bg_median": 61.07472229003906,
  "summary_bg_n": 163988.0,
  "summary_bg_p05": 4.763931083679199,
  "summary_bg_p95": 2823.3878784179647,
  "summary_bg_stdv": 1842.417724609375,
  "summary_fg_k": 1.2879459441274976,
  "summary_fg_mad": 4700.014087987865,
  "summary_fg_mean": 25812.744140625,
  "summary_fg_median": 25232.3359375,
  "summary_fg_n": 32157.0,
  "summary_fg_p05": 18776.3546875,
  "summary_fg_p95": 34477.702343749996,
  "summary_fg_stdv": 5039.26220703125,
  "tsnr": 69.46041107177734
}