{
  "aor": 0.005456700000000001,
  "aqi": 0.008844521,
  "bids_meta": {
    "AcquisitionNumber": 9,
    "BidsifyVersion": "0.3.5",
    "ConversionSoftware": "dcm2niix",
    "ConversionSoftwareVersion": "v1.0.20181125  GCC6.3.0",
    "EchoTime": 0.02762,
    "EffectiveEchoSpacing": 0.0006621159151938905,
    "ImageComments": "piop",
    "ImageOrientationPatientDICOM": [
      0.998944,
      -0.03345,
      0.0314832,
      0.0388994,
      0.980532,
      -0.19247
    ],
    "Manufacturer": "Philips",
    "NumberOfVolumesDiscardedByScanner": 2,
    "ParallelAcquisitionTechnique": "SENSE",
    "ParallelReductionFactorInPlane": 2,
    "PatientPosition": "HFS",
    "PhaseEncodingDirection": "j",
    "PhilipsRescaleIntercept": 0,
    "PhilipsRescaleSlope": 0.99878,
    "PhilipsScaleSlope": 0.0490671,
    "ProtocolName": "WIPpiopanticipatieSENSE",
    "PulseSequenceType": "gradient echo EPI",
    "ReconMatrixPE": 80,
    "RepetitionTime": 2,
    "SeriesDescription": "ImageMRSERIES",
    "SeriesNumber": 9,
    "SliceEncodingDirection": "k",
    "SliceTiming": [
      0.0,
      0.0541,
      0.1081,
      0.1622,
      0.2162,
      0.2703,
      0.3243,
      0.3784,
      0.4324,
      0.4865,
      0.5405,
      0.5946,
      0.6486,
      0.7027,
      0.7568,
      0.8108,
      0.8649,
      0.9189,
      0.973,
      1.027,
      1.0811,
      1.1351,
      1.1892,
      1.2432,
      1.2973,
      1.3514,
      1.4054,
      1.4595,
      1.5135,
      1.5676,
      1.6216,
      1.6757,
      1.7297,
      1.7838,
      1.8378,
      1.8919,
      1.9459
    ],
    "TaskName": "anticipation",
    "TotalReadoutTime": 0.025822520692561732,
    "UsePhilipsFloatNotDisplayScaling": 1,
    "acq_id": "seq",
    "dataset": "ds002785",
    "modality": "bold",
    "subject_id": "0116",
    "task_id": "anticipation"
  },
  "dummy_trs": 0,
  "dvars_nstd": 29.622512165326636,
  "dvars_std": 1.3094932654271358,
  "dvars_vstd": 1.0172756617085428,
  "efc": 0.42184000078099515,
  "fber": 158713.734375,
  "fd_mean": 0.23254168750371546,
  "fd_num": 73,
  "fd_perc": 36.5,
  "fwhm_avg": 1.6665200078148314,
  "fwhm_x": 1.6371933333333333,
  "fwhm_y": 1.7398666666666667,
  "fwhm_z": 1.6225000234444942,
  "gcor": 0.0496711,
  "gsr_x": -0.016535824164748192,
  "gsr_y": 0.004755685571581125,
  "provenance": {
    "md5sum": "d4b3e538b1886e05780fd5a36117e304",
    "settings": {
      "fd_thres": 0.2,
      "testing": false
    },
    "software": "mriqc",
    "version": "22.0.0rc1",
    "webapi_port": null,
    "webapi_url": "https://mriqc.nimh.nih.gov/api/v1"
  },
  "size_t": 200,
  "size_x": 80,
  "size_y": 80,
  "size_z": 37,
  "snr": 5.274714309279691,
  "spacing_tr": 2.0,
  "spacing_x": 3.0,
  "spacing_y": 3.0,
  "spacing_z": 3.299999952316284,
  "summary_bg_k": 55.926977972133535,
  "summary_bg_mad": 66.7284168456886,
  "summary_bg_mean": 539.020751953125,
  "summary_bg_median": 59.7285041809082,
  "summary_bg_n": 160531.0,
  "summary_bg_p05": 3.5376590490341187,
  "summary_bg_p95": 2593.48046875,
  "summary_bg_stdv": 1721.6488037109375,
  "summary_fg_k": 1.972928868562441,
  "summary_fg_mad": 4092.037141517164,
  "summary_fg_mean": 24646.982421875,
  "summary_fg_median": 24016.93359375,
  "summary_fg_n": 35286.0,
  "summary_fg_p05": 18455.8251953125,
  "summary_fg_p95": 32599.55322265625,
  "summary_fg_stdv": 4553.1552734375,
  "tsnr": 57.789913177490234
}