{
  "aor": 0.010276222222222223,
  "aqi": 0.005174032222222223,
  "bids_meta": {
    "AcquisitionNumber": 5,
    "BidsifyVersion": "0.3.5",
    "ConversionSoftware": "dcm2niix",
    "ConversionSoftwareVersion": "v1.0.20181125  GCC6.3.0",
    "EchoTime": 0.02762,
    "EffectiveEchoSpacing": 0.0006621159151938905,
    "ImageComments": "piop",
    "ImageOrientationPatientDICOM": [
      0.998944,
      -0.03345,
      0.0314832,
      0.0388994,
      0.980532,
      -0.19247
    ],
    "Manufacturer": "Philips",
    "NumberOfVolumesDiscardedByScanner": 2,
    "ParallelAcquisitionTechnique": "SENSE",
    "ParallelReductionFactorInPlane": 2,
    "PatientPosition": "HFS",
    "PhaseEncodingDirection": "j",
    "PhilipsRescaleIntercept": 0,
    "PhilipsRescaleSlope": 0.84957,
    "PhilipsScaleSlope": 0.0556333,
    "ProtocolName": "WIPpiopharririSENSE",
    "PulseSequenceType": "gradient echo EPI",
    "ReconMatrixPE": 80,
    "RepetitionTime": 2,
    "SeriesDescription": "ImageMRSERIES",
    "SeriesNumber": 5,
    "SliceEncodingDirection": "k",
    "SliceTiming": [
      0.0,
      0.0541,
      0.1081,
      0.1622,
      0.2162,
      0.2703,
      0.3243,
      0.3784,
      0.4324,
      0.4865,
      0.5405,
      0.5946,
      0.6486,
      0.7027,
      0.7568,
      0.8108,
      0.8649,
      0.9189,
      0.973,
      1.027,
      1.0811,
      1.1351,
      1.1892,
      1.2432,
      1.2973,
      1.3514,
      1.4054,
      1.4595,
      1.5135,
      1.5676,
      1.6216,
      1.6757,
      1.7297,
      1.7838,
      1.8378,
      1.8919,
      1.9459
    ],
    "TaskName": "emomatching",
    "TotalReadoutTime": 0.025822520692561732,
    "UsePhilipsFloatNotDisplayScaling": 1,
    "acq_id": "seq",
    "dataset": "ds002785",
    "modality": "bold",
    "subject_id": "0116",
    "task_id": "emomatching"
  },
  "dummy_trs": 0,
  "dvars_nstd": 27.28155560246269,
  "dvars_std": 1.417134784029851,
  "dvars_vstd": 1.105932945671642,
  "efc": 0.42037777301429413,
  "fber": 155440.0625,
  "fd_mean": 0.18317976136623937,
  "fd_num": 31,
  "fd_perc": 22.962962962962962,
  "fwhm_avg": 1.6808084927589027,
  "fwhm_x": 1.648,
  "fwhm_y": 1.75208,
  "fwhm_z": 1.6423454782767075,
  "gcor": 0.0322924,
  "gsr_x": -0.01607675477862358,
  "gsr_y": 0.005576261319220066,
  "provenance": {
    "md5sum": "6bac6ff78cec4ef23af7dd41aa7cb27c",
    "settings": {
      "fd_thres": 0.2,
      "testing": false
    },
    "software": "mriqc",
    "version": "22.0.0rc1",
    "webapi_port": null,
    "webapi_url": "https://mriqc.nimh.nih.gov/api/v1"
  },
  "size_t": 135,
  "size_x": 80,
  "size_y": 80,
  "size_z": 37,
  "snr": 5.2788265005817445,
  "spacing_tr": 2.0,
  "spacing_x": 3.0,
  "spacing_y": 3.0,
  "spacing_z": 3.299999952316284,
  "summary_bg_k": 52.84408533967019,
  "summary_bg_mad": 67.91811712367988,
  "summary_bg_mean": 538.59130859375,
  "summary_bg_median": 62.27314758300781,
  "summary_bg_n": 160631.0,
  "summary_bg_p05": 3.821265459060669,
  "summary_bg_p95": 2583.408447265625,
  "summary_bg_stdv": 1707.03271484375,
  "summary_fg_k": 1.8254409716024629,
  "summary_fg_mad": 4199.6068821676445,
  "summary_fg_mean": 25385.568359375,
  "summary_fg_median": 24755.634765625,
  "summary_fg_n": 35258.0,
  "summary_fg_p05": 19000.825,
  "summary_fg_p95": 33604.98437500001,
  "summary_fg_stdv": 4689.54296875,
  "tsnr": 72.9284896850586
}