{
  "aor": 0.015097530864197533,
  "aqi": 0.012104868271604938,
  "bids_meta": {
    "AcquisitionNumber": 8,
    "BidsifyVersion": "0.3.5",
    "ConversionSoftware": "dcm2niix",
    "ConversionSoftwareVersion": "v1.0.20181125  GCC6.3.0",
    "EchoTime": 0.02762,
    "EffectiveEchoSpacing": 0.0006621159151938905,
    "ImageComments": "piop",
    "ImageOrientationPatientDICOM": [
      0.998944,
      -0.03345,
      0.0314832,
      0.0388994,
      0.980532,
      -0.19247
    ],
    "Manufacturer": "Philips",
    "NumberOfVolumesDiscardedByScanner": 2,
    "ParallelAcquisitionTechnique": "SENSE",
    "ParallelReductionFactorInPlane": 2,
    "PatientPosition": "HFS",
    "PhaseEncodingDirection": "j",
    "PhilipsRescaleIntercept": 0,
    "PhilipsRescaleSlope": 0.93431,
    "PhilipsScaleSlope": 0.0505463,
    "ProtocolName": "WIPpiopwmSENSE",
    "PulseSequenceType": "gradient echo EPI",
    "ReconMatrixPE": 80,
    "RepetitionTime": 2,
    "SeriesDescription": "ImageMRSERIES",
    "SeriesNumber": 8,
    "SliceEncodingDirection": "k",
    "SliceTiming": [
      0.0,
      0.0541,
      0.1081,
      0.1622,
      0.2162,
      0.2703,
      0.3243,
      0.3784,
      0.4324,
      0.4865,
      0.5405,
      0.5946,
      0.6486,
      0.7027,
      0.7568,
      0.8108,
      0.8649,
      0.9189,
      0.973,
      1.027,
      1.0811,
      1.1351,
      1.1892,
      1.2432,
      1.2973,
      1.3514,
      1.4054,
      1.4595,
      1.5135,
      1.5676,
      1.6216,
      1.6757,
      1.7297,
      1.7838,
      1.8378,
      1.8919,
      1.9459
    ],
    "TaskName": "workingmemory",
    "TotalReadoutTime": 0.025822520692561732,
    "UsePhilipsFloatNotDisplayScaling": 1,
    "acq_id": "seq",
    "dataset": "ds002785",
    "modality": "bold",
    "subject_id": "0116",
    "task_id": "workingmemory"
  },
  "dummy_trs": 0,
  "dvars_nstd": 31.46646313639752,
  "dvars_std": 1.3603083467080743,
  "dvars_vstd": 1.1079807132919255,
  "efc": 0.42210230742281607,
  "fber": 150925.390625,
  "fd_mean": 0.2762155726723315,
  "fd_num": 49,
  "fd_perc": 30.246913580246915,
  "fwhm_avg": 1.7080165737417798,
  "fwhm_x": 1.67683,
  "fwhm_y": 1.7685833333333332,
  "fwhm_z": 1.6786363878920063,
  "gcor": 0.0493943,
  "gsr_x": -0.016307814046740532,
  "gsr_y": 0.006179249379783869,
  "provenance": {
    "md5sum": "ec74504f892aba9ae5eb617082d36b68",
    "settings": {
      "fd_thres": 0.2,
      "testing": false
    },
    "software": "mriqc",
    "version": "22.0.0rc1",
    "webapi_port": null,
    "webapi_url": "https://mriqc.nimh.nih.gov/api/v1"
  },
  "size_t": 162,
  "size_x": 80,
  "size_y": 80,
  "size_z": 37,
  "snr": 5.268416518183808,
  "spacing_tr": 2.0,
  "spacing_x": 3.0,
  "spacing_y": 3.0,
  "spacing_z": 3.299999952316284,
  "summary_bg_k": 54.69966424026699,
  "summary_bg_mad": 68.75791046233607,
  "summary_bg_mean": 546.1767578125,
  "summary_bg_median": 62.55120086669922,
  "summary_bg_n": 160402.0,
  "summary_bg_p05": 4.489028835296631,
  "summary_bg_p95": 2611.9640869140544,
  "summary_bg_stdv": 1727.705078125,
  "summary_fg_k": 1.7081117374012686,
  "summary_fg_mad": 4200.2468335158665,
  "summary_fg_mean": 25176.298828125,
  "summary_fg_median": 24544.865234375,
  "summary_fg_n": 35387.0,
  "summary_fg_p05": 18798.790234375,
  "summary_fg_p95": 33310.28984375,
  "summary_fg_stdv": 4658.8037109375,
  "tsnr": 47.68119812011719
}