{
  "aor": 0.0070348979591836735,
  "aqi": 0.004308683346938775,
  "bids_meta": {
    "AcquisitionNumber": 3,
    "BidsifyVersion": "0.3.5",
    "ConversionSoftware": "dcm2niix",
    "ConversionSoftwareVersion": "v1.0.20181125  GCC6.3.0",
    "EchoTime": 0.02762,
    "EffectiveEchoSpacing": 0.0006621159151938905,
    "ImageComments": "piop",
    "ImageOrientationPatientDICOM": [
      0.998944,
      -0.03345,
      0.0314832,
      0.0388994,
      0.980532,
      -0.19247
    ],
    "Manufacturer": "Philips",
    "NumberOfVolumesDiscardedByScanner": 2,
    "ParallelAcquisitionTechnique": "SENSE",
    "ParallelReductionFactorInPlane": 2,
    "PatientPosition": "HFS",
    "PhaseEncodingDirection": "j",
    "PhilipsRescaleIntercept": 0,
    "PhilipsRescaleSlope": 0.91819,
    "PhilipsScaleSlope": 0.0514668,
    "ProtocolName": "WIPpiopgstroopSENSE",
    "PulseSequenceType": "gradient echo EPI",
    "ReconMatrixPE": 80,
    "RepetitionTime": 2,
    "SeriesDescription": "ImageMRSERIES",
    "SeriesNumber": 3,
    "SliceEncodingDirection": "k",
    "SliceTiming": [
      0.0,
      0.0541,
      0.1081,
      0.1622,
      0.2162,
      0.2703,
      0.3243,
      0.3784,
      0.4324,
      0.4865,
      0.5405,
      0.5946,
      0.6486,
      0.7027,
      0.7568,
      0.8108,
      0.8649,
      0.9189,
      0.973,
      1.027,
      1.0811,
      1.1351,
      1.1892,
      1.2432,
      1.2973,
      1.3514,
      1.4054,
      1.4595,
      1.5135,
      1.5676,
      1.6216,
      1.6757,
      1.7297,
      1.7838,
      1.8378,
      1.8919,
      1.9459
    ],
    "TaskName": "gstroop",
    "TotalReadoutTime": 0.025822520692561732,
    "UsePhilipsFloatNotDisplayScaling": 1,
    "acq_id": "seq",
    "dataset": "ds002785",
    "modality": "bold",
    "subject_id": "0116",
    "task_id": "gstroop"
  },
  "dummy_trs": 0,
  "dvars_nstd": 24.97153898918032,
  "dvars_std": 1.3820120377459026,
  "dvars_vstd": 1.0605825600409837,
  "efc": 0.419822793784018,
  "fber": 162017.3125,
  "fd_mean": 0.11136234438443439,
  "fd_num": 8,
  "fd_perc": 3.2653061224489797,
  "fwhm_avg": 1.6828105130014108,
  "fwhm_x": 1.6489500000000001,
  "fwhm_y": 1.7487300000000001,
  "fwhm_z": 1.6507515390042324,
  "gcor": 0.0313063,
  "gsr_x": -0.015500711277127266,
  "gsr_y": 0.004753660876303911,
  "provenance": {
    "md5sum": "47405b8d73dc54dd054c826ac4db998a",
    "settings": {
      "fd_thres": 0.2,
      "testing": false
    },
    "software": "mriqc",
    "version": "22.0.0rc1",
    "webapi_port": null,
    "webapi_url": "https://mriqc.nimh.nih.gov/api/v1"
  },
  "size_t": 245,
  "size_x": 80,
  "size_y": 80,
  "size_z": 37,
  "snr": 5.323617876099893,
  "spacing_tr": 2.0,
  "spacing_x": 3.0,
  "spacing_y": 3.0,
  "spacing_z": 3.299999952316284,
  "summary_bg_k": 56.36448548208983,
  "summary_bg_mad": 68.19391558506045,
  "summary_bg_mean": 535.8314819335938,
  "summary_bg_median": 61.30659866333008,
  "summary_bg_n": 160488.0,
  "summary_bg_p05": 3.5717460393905642,
  "summary_bg_p95": 2555.6981933593747,
  "summary_bg_stdv": 1732.225341796875,
  "summary_fg_k": 1.7820438091593953,
  "summary_fg_mad": 4184.172761416405,
  "summary_fg_mean": 25563.484375,
  "summary_fg_median": 24918.6953125,
  "summary_fg_n": 35306.0,
  "summary_fg_p05": 19169.33642578125,
  "summary_fg_p95": 33743.4619140625,
  "summary_fg_stdv": 4680.7158203125,
  "tsnr": 79.40528869628906
}