{
  "aor": 0.0028586430062630484,
  "aqi": 0.009686297056367432,
  "bids_meta": {
    "AcquisitionNumber": 6,
    "BidsifyVersion": "0.3.5",
    "ConversionSoftware": "dcm2niix",
    "ConversionSoftwareVersion": "v1.0.20181125  GCC6.3.0",
    "EchoTime": 0.02762,
    "EffectiveEchoSpacing": 0.0006333282667071997,
    "ImageComments": "piop",
    "ImageOrientationPatientDICOM": [
      0.998944,
      -0.03345,
      0.0314832,
      0.0388994,
      0.980532,
      -0.19247
    ],
    "Manufacturer": "Philips",
    "NumberOfVolumesDiscardedByScanner": 2,
    "ParallelAcquisitionTechnique": "SENSE",
    "ParallelReductionFactorInPlane": 2,
    "PatientPosition": "HFS",
    "PhaseEncodingDirection": "j",
    "PhilipsRescaleIntercept": 0,
    "PhilipsRescaleSlope": 0.76386,
    "PhilipsScaleSlope": 0.0937093,
    "ProtocolName": "WIPpioprsSENSE",
    "PulseSequenceType": "gradient echo EPI",
    "ReconMatrixPE": 80,
    "RepetitionTime": 0.75,
    "SeriesDescription": "ImageMRSERIES",
    "SeriesNumber": 6,
    "SliceEncodingDirection": "k",
    "SliceTiming": [
      0.0,
      0.06755050505050506,
      0.1351010101010101,
      0.20265151515151517,
      0.2702020202020202,
      0.3377525252525253,
      0.40530303030303033,
      0.47285353535353536,
      0.5404040404040404,
      0.6079545454545455,
      0.6755050505050506,
      0.7430555555555556,
      0.0,
      0.06755050505050506,
      0.1351010101010101,
      0.20265151515151517,
      0.2702020202020202,
      0.3377525252525253,
      0.40530303030303033,
      0.47285353535353536,
      0.5404040404040404,
      0.6079545454545455,
      0.6755050505050506,
      0.7430555555555556,
      0.0,
      0.06755050505050506,
      0.1351010101010101,
      0.20265151515151517,
      0.2702020202020202,
      0.3377525252525253,
      0.40530303030303033,
      0.47285353535353536,
      0.5404040404040404,
      0.6079545454545455,
      0.6755050505050506,
      0.7430555555555556
    ],
    "TaskName": "restingstate",
    "TotalReadoutTime": 0.024699802401580786,
    "UsePhilipsFloatNotDisplayScaling": 1,
    "acq_id": "mb3",
    "dataset": "ds002785",
    "modality": "bold",
    "subject_id": "0116",
    "task_id": "restingstate"
  },
  "dummy_trs": 1,
  "dvars_nstd": 30.54738387115063,
  "dvars_std": 1.216121027217574,
  "dvars_vstd": 1.0322289254602508,
  "efc": 0.4289454598128417,
  "fber": 143678.609375,
  "fd_mean": 0.13306469932891243,
  "fd_num": 66,
  "fd_perc": 13.778705636743215,
  "fwhm_avg": 1.7230975838572542,
  "fwhm_x": 1.6848833333333333,
  "fwhm_y": 1.80277,
  "fwhm_z": 1.681639418238429,
  "gcor": 0.0227603,
  "gsr_x": -0.01739298552274704,
  "gsr_y": 0.004944129381328821,
  "provenance": {
    "md5sum": "2de7d32c4bff3c070ca0eafcc598de49",
    "settings": {
      "fd_thres": 0.2,
      "testing": false
    },
    "software": "mriqc",
    "version": "22.0.0rc1",
    "webapi_port": null,
    "webapi_url": "https://mriqc.nimh.nih.gov/api/v1"
  },
  "size_t": 479,
  "size_x": 80,
  "size_y": 80,
  "size_z": 36,
  "snr": 6.4084979645421285,
  "spacing_tr": 0.75,
  "spacing_x": 3.0,
  "spacing_y": 3.0,
  "spacing_z": 3.299999952316284,
  "summary_bg_k": 43.079648613848185,
  "summary_bg_mad": 50.106063465061574,
  "summary_bg_mean": 386.42559814453125,
  "summary_bg_median": 44.15737533569336,
  "summary_bg_n": 155169.0,
  "summary_bg_p05": 2.58738112449646,
  "summary_bg_p95": 1850.7999023437503,
  "summary_bg_stdv": 1175.426025390625,
  "summary_fg_k": 1.2422769968535574,
  "summary_fg_mad": 2467.729134992227,
  "summary_fg_mean": 17054.71875,
  "summary_fg_median": 16924.080078125,
  "summary_fg_n": 34827.0,
  "summary_fg_p05": 13038.858105468751,
  "summary_fg_p95": 21450.283593749984,
  "summary_fg_stdv": 2640.843017578125,
  "tsnr": 50.53015899658203
}