{
  "aor": 0.0020543939393939392,
  "aqi": 0.00829073,
  "bids_meta": {
    "AcquisitionNumber": 2,
    "BidsifyVersion": "0.3.5",
    "ConversionSoftware": "dcm2niix",
    "ConversionSoftwareVersion": "v1.0.20181125  GCC6.3.0",
    "EchoTime": 0.02762,
    "EffectiveEchoSpacing": 0.0006333282667071997,
    "ImageComments": "piop",
    "ImageOrientationPatientDICOM": [
      0.998944,
      -0.03345,
      0.0314832,
      0.0388994,
      0.980532,
      -0.19247
    ],
    "Manufacturer": "Philips",
    "NumberOfVolumesDiscardedByScanner": 2,
    "ParallelAcquisitionTechnique": "SENSE",
    "ParallelReductionFactorInPlane": 2,
    "PatientPosition": "HFS",
    "PhaseEncodingDirection": "j",
    "PhilipsRescaleIntercept": 0,
    "PhilipsRescaleSlope": 0.77485,
    "PhilipsScaleSlope": 0.101564,
    "ProtocolName": "WIPpiopfacesSENSE",
    "PulseSequenceType": "gradient echo EPI",
    "ReconMatrixPE": 80,
    "RepetitionTime": 0.75,
    "SeriesDescription": "ImageMRSERIES",
    "SeriesNumber": 2,
    "SliceEncodingDirection": "k",
    "SliceTiming": [
      0.0,
      0.06755050505050506,
      0.1351010101010101,
      0.20265151515151517,
      0.2702020202020202,
      0.3377525252525253,
      0.40530303030303033,
      0.47285353535353536,
      0.5404040404040404,
      0.6079545454545455,
      0.6755050505050506,
      0.7430555555555556,
      0.0,
      0.06755050505050506,
      0.1351010101010101,
      0.20265151515151517,
      0.2702020202020202,
      0.3377525252525253,
      0.40530303030303033,
      0.47285353535353536,
      0.5404040404040404,
      0.6079545454545455,
      0.6755050505050506,
      0.7430555555555556,
      0.0,
      0.06755050505050506,
      0.1351010101010101,
      0.20265151515151517,
      0.2702020202020202,
      0.3377525252525253,
      0.40530303030303033,
      0.47285353535353536,
      0.5404040404040404,
      0.6079545454545455,
      0.6755050505050506,
      0.7430555555555556
    ],
    "TaskName": "faces",
    "TotalReadoutTime": 0.024699802401580786,
    "UsePhilipsFloatNotDisplayScaling": 1,
    "acq_id": "mb3",
    "dataset": "ds002785",
    "modality": "bold",
    "subject_id": "0116",
    "task_id": "faces"
  },
  "dummy_trs": 0,
  "dvars_nstd": 28.126389054224923,
  "dvars_std": 1.1543414127051668,
  "dvars_vstd": 1.0195180133130695,
  "efc": 0.4269160743614572,
  "fber": 155169.796875,
  "fd_mean": 0.12304214614464803,
  "fd_num": 23,
  "fd_perc": 6.96969696969697,
  "fwhm_avg": 1.751724250582843,
  "fwhm_x": 1.7226166666666665,
  "fwhm_y": 1.8386833333333332,
  "fwhm_z": 1.6938727517485295,
  "gcor": 0.0209176,
  "gsr_x": -0.01731516607105732,
  "gsr_y": 0.004080241080373526,
  "provenance": {
    "md5sum": "d1a0b4e514d53820723004e0e25b6b74",
    "settings": {
      "fd_thres": 0.2,
      "testing": false
    },
    "software": "mriqc",
    "version": "22.0.0rc1",
    "webapi_port": null,
    "webapi_url": "https://mriqc.nimh.nih.gov/api/v1"
  },
  "size_t": 330,
  "size_x": 80,
  "size_y": 80,
  "size_z": 36,
  "snr": 6.221203514716738,
  "spacing_tr": 0.75,
  "spacing_x": 3.0,
  "spacing_y": 3.0,
  "spacing_z": 3.299999952316284,
  "summary_bg_k": 43.58764750140829,
  "summary_bg_mad": 49.39717787787056,
  "summary_bg_mean": 390.59283447265625,
  "summary_bg_median": 43.80385971069336,
  "summary_bg_n": 155341.0,
  "summary_bg_p05": 2.6464438438415527,
  "summary_bg_p95": 1841.4984130859375,
  "summary_bg_stdv": 1212.171142578125,
  "summary_fg_k": 1.0761078912696602,
  "summary_fg_mad": 2645.489376571353,
  "summary_fg_mean": 17583.39453125,
  "summary_fg_median": 17462.55859375,
  "summary_fg_n": 34590.0,
  "summary_fg_p05": 13310.47607421875,
  "summary_fg_p95": 22280.900683593736,
  "summary_fg_stdv": 2806.901611328125,
  "tsnr": 52.87546157836914
}