{
  "aor": 0.0008440376569037657,
  "aqi": 0.010447731338912133,
  "bids_meta": {
    "AcquisitionNumber": 6,
    "BidsifyVersion": "0.3.5",
    "ConversionSoftware": "dcm2niix",
    "ConversionSoftwareVersion": "v1.0.20181125  GCC6.3.0",
    "EchoTime": 0.02762,
    "EffectiveEchoSpacing": 0.0006333282667071997,
    "ImageComments": "piop",
    "ImageOrientationPatientDICOM": [
      0.997215,
      0.0618068,
      0.0417337,
      -0.0482486,
      0.961393,
      -0.270917
    ],
    "Manufacturer": "Philips",
    "NumberOfVolumesDiscardedByScanner": 2,
    "ParallelAcquisitionTechnique": "SENSE",
    "ParallelReductionFactorInPlane": 2,
    "PatientPosition": "HFS",
    "PhaseEncodingDirection": "j",
    "PhilipsRescaleIntercept": 0,
    "PhilipsRescaleSlope": 0.80928,
    "PhilipsScaleSlope": 0.0918791,
    "ProtocolName": "WIPpioprsSENSE",
    "PulseSequenceType": "gradient echo EPI",
    "ReconMatrixPE": 80,
    "RepetitionTime": 0.75,
    "SeriesDescription": "ImageMRSERIES",
    "SeriesNumber": 6,
    "SliceEncodingDirection": "k",
    "SliceTiming": [
      0.0,
      0.06755050505050506,
      0.1351010101010101,
      0.20265151515151517,
      0.2702020202020202,
      0.3377525252525253,
      0.40530303030303033,
      0.47285353535353536,
      0.5404040404040404,
      0.6079545454545455,
      0.6755050505050506,
      0.7430555555555556,
      0.0,
      0.06755050505050506,
      0.1351010101010101,
      0.20265151515151517,
      0.2702020202020202,
      0.3377525252525253,
      0.40530303030303033,
      0.47285353535353536,
      0.5404040404040404,
      0.6079545454545455,
      0.6755050505050506,
      0.7430555555555556,
      0.0,
      0.06755050505050506,
      0.1351010101010101,
      0.20265151515151517,
      0.2702020202020202,
      0.3377525252525253,
      0.40530303030303033,
      0.47285353535353536,
      0.5404040404040404,
      0.6079545454545455,
      0.6755050505050506,
      0.7430555555555556
    ],
    "TaskName": "restingstate",
    "TotalReadoutTime": 0.024699802401580786,
    "UsePhilipsFloatNotDisplayScaling": 1,
    "acq_id": "mb3",
    "dataset": "ds002785",
    "modality": "bold",
    "subject_id": "0103",
    "task_id": "restingstate"
  },
  "dummy_trs": 2,
  "dvars_nstd": 31.468572068721176,
  "dvars_std": 1.1437460230398322,
  "dvars_vstd": 1.0102279781341725,
  "efc": 0.41486712859618724,
  "fber": 163850.09375,
  "fd_mean": 0.15039829865632642,
  "fd_num": 90,
  "fd_perc": 18.828451882845187,
  "fwhm_avg": 1.8310108165982555,
  "fwhm_x": 1.8238866666666667,
  "fwhm_y": 1.9007699999999998,
  "fwhm_z": 1.7683757831280995,
  "gcor": 0.0205804,
  "gsr_x": -0.027467217296361923,
  "gsr_y": 0.012432387098670006,
  "provenance": {
    "md5sum": "7ddf90071eaa67386af5a7d25624a952",
    "settings": {
      "fd_thres": 0.2,
      "testing": false
    },
    "software": "mriqc",
    "version": "22.0.0rc1",
    "webapi_port": null,
    "webapi_url": "https://mriqc.nimh.nih.gov/api/v1"
  },
  "size_t": 478,
  "size_x": 80,
  "size_y": 80,
  "size_z": 36,
  "snr": 6.612890574592372,
  "spacing_tr": 0.75,
  "spacing_x": 3.0,
  "spacing_y": 3.0,
  "spacing_z": 3.299999952316284,
  "summary_bg_k": 69.15544956929836,
  "summary_bg_mad": 44.10549165588816,
  "summary_bg_mean": 403.2091369628906,
  "summary_bg_median": 41.59461975097656,
  "summary_bg_n": 158533.0,
  "summary_bg_p05": 2.2469247817993168,
  "summary_bg_p95": 1944.8944580078114,
  "summary_bg_stdv": 1320.4439697265625,
  "summary_fg_k": 0.87559495273142,
  "summary_fg_mad": 2468.209822430258,
  "summary_fg_mean": 17267.37890625,
  "summary_fg_median": 17160.470703125,
  "summary_fg_n": 31790.0,
  "summary_fg_p05": 13280.79853515625,
  "summary_fg_p95": 21600.641796875,
  "summary_fg_stdv": 2594.962158203125,
  "tsnr": 48.572818756103516
}