{
  "aor": 0.0007052244897959183,
  "aqi": 0.004703907551020409,
  "bids_meta": {
    "AcquisitionNumber": 3,
    "BidsifyVersion": "0.3.5",
    "ConversionSoftware": "dcm2niix",
    "ConversionSoftwareVersion": "v1.0.20181125  GCC6.3.0",
    "EchoTime": 0.02762,
    "EffectiveEchoSpacing": 0.0006621159151938905,
    "ImageComments": "piop",
    "ImageOrientationPatientDICOM": [
      0.997215,
      0.0618068,
      0.0417337,
      -0.0482486,
      0.961393,
      -0.270917
    ],
    "Manufacturer": "Philips",
    "NumberOfVolumesDiscardedByScanner": 2,
    "ParallelAcquisitionTechnique": "SENSE",
    "ParallelReductionFactorInPlane": 2,
    "PatientPosition": "HFS",
    "PhaseEncodingDirection": "j",
    "PhilipsRescaleIntercept": 0,
    "PhilipsRescaleSlope": 0.82442,
    "PhilipsScaleSlope": 0.055964,
    "ProtocolName": "WIPpiopgstroopSENSE",
    "PulseSequenceType": "gradient echo EPI",
    "ReconMatrixPE": 80,
    "RepetitionTime": 2,
    "SeriesDescription": "ImageMRSERIES",
    "SeriesNumber": 3,
    "SliceEncodingDirection": "k",
    "SliceTiming": [
      0.0,
      0.0541,
      0.1081,
      0.1622,
      0.2162,
      0.2703,
      0.3243,
      0.3784,
      0.4324,
      0.4865,
      0.5405,
      0.5946,
      0.6486,
      0.7027,
      0.7568,
      0.8108,
      0.8649,
      0.9189,
      0.973,
      1.027,
      1.0811,
      1.1351,
      1.1892,
      1.2432,
      1.2973,
      1.3514,
      1.4054,
      1.4595,
      1.5135,
      1.5676,
      1.6216,
      1.6757,
      1.7297,
      1.7838,
      1.8378,
      1.8919,
      1.9459
    ],
    "TaskName": "gstroop",
    "TotalReadoutTime": 0.025822520692561732,
    "UsePhilipsFloatNotDisplayScaling": 1,
    "acq_id": "seq",
    "dataset": "ds002785",
    "modality": "bold",
    "subject_id": "0103",
    "task_id": "gstroop"
  },
  "dummy_trs": 0,
  "dvars_nstd": 24.0719564702459,
  "dvars_std": 1.221288624262294,
  "dvars_vstd": 0.9940929920491801,
  "efc": 0.4074860705115451,
  "fber": 142250.703125,
  "fd_mean": 0.14937429754420548,
  "fd_num": 50,
  "fd_perc": 20.408163265306122,
  "fwhm_avg": 1.7738185942021563,
  "fwhm_x": 1.74972,
  "fwhm_y": 1.8394599999999999,
  "fwhm_z": 1.7322757826064688,
  "gcor": 0.0371098,
  "gsr_x": -0.025786932557821274,
  "gsr_y": 0.014230993576347828,
  "provenance": {
    "md5sum": "ab8324169e66096f91275608fe4d429f",
    "settings": {
      "fd_thres": 0.2,
      "testing": false
    },
    "software": "mriqc",
    "version": "22.0.0rc1",
    "webapi_port": null,
    "webapi_url": "https://mriqc.nimh.nih.gov/api/v1"
  },
  "size_t": 245,
  "size_x": 80,
  "size_y": 80,
  "size_z": 37,
  "snr": 5.403135843184574,
  "spacing_tr": 2.0,
  "spacing_x": 3.0,
  "spacing_y": 3.0,
  "spacing_z": 3.299999952316284,
  "summary_bg_k": 99.29302523544101,
  "summary_bg_mad": 65.55234109751444,
  "summary_bg_mean": 582.443115234375,
  "summary_bg_median": 65.81682586669922,
  "summary_bg_n": 163744.0,
  "summary_bg_p05": 5.232730221748352,
  "summary_bg_p95": 2680.1139648437534,
  "summary_bg_stdv": 2068.6943359375,
  "summary_fg_k": 1.5126843345590473,
  "summary_fg_mad": 4306.729236015861,
  "summary_fg_mean": 25934.025390625,
  "summary_fg_median": 25315.125,
  "summary_fg_n": 32334.0,
  "summary_fg_p05": 19458.92958984375,
  "summary_fg_p95": 34129.075390625,
  "summary_fg_stdv": 4685.19287109375,
  "tsnr": 78.89433288574219
}