{
  "bids_meta": {
    "AcquisitionNumber": 4,
    "BidsifyVersion": "0.3.5",
    "ConversionSoftware": "dcm2niix",
    "ConversionSoftwareVersion": "v1.0.20181125  GCC6.3.0",
    "EchoTime": 0.00374,
    "ImageComments": "Piop",
    "ImageOrientationPatientDICOM": [
      0.998345,
      -0.0397485,
      -0.0415557,
      0.0392251,
      0.999141,
      -0.0133352
    ],
    "Manufacturer": "Philips",
    "PatientPosition": "HFS",
    "PhilipsRescaleIntercept": 0,
    "PhilipsRescaleSlope": 9.76947,
    "PhilipsScaleSlope": 0.00770146,
    "ProtocolName": "WIPt13dSENSE",
    "ReconMatrixPE": 240,
    "RepetitionTime": 0.008161,
    "SeriesDescription": "ImageMRSERIES",
    "SeriesNumber": 4,
    "UsePhilipsFloatNotDisplayScaling": 1,
    "dataset": "ds002785",
    "modality": "T1w",
    "subject_id": "0037"
  },
  "cjv": 0.3436126644693444,
  "cnr": 3.7208317467604424,
  "efc": 0.7546889811087837,
  "fber": 303.30694580078125,
  "fwhm_avg": 3.4390200654010017,
  "fwhm_x": 3.40843,
  "fwhm_y": 3.61689,
  "fwhm_z": 3.291740196203005,
  "icvs_csf": 0.20621677198828234,
  "icvs_gm": 0.4215667274646615,
  "icvs_wm": 0.37221650054705613,
  "inu_med": 1.2074425220489502,
  "inu_range": 0.33689385652542114,
  "provenance": {
    "md5sum": "a5192feb724d3a07d8f20724bfce9f47",
    "settings": {
      "testing": false
    },
    "software": "mriqc",
    "version": "22.0.0rc1",
    "warnings": {
      "large_rot_frame": true,
      "small_air_mask": true
    },
    "webapi_port": null,
    "webapi_url": "https://mriqc.nimh.nih.gov/api/v1"
  },
  "qi_1": 0.0,
  "qi_2": 4.0470139183082815e-05,
  "rpve_csf": 31.813898662646427,
  "rpve_gm": 16.527237677753277,
  "rpve_wm": 23.959561631136424,
  "size_x": 240,
  "size_y": 240,
  "size_z": 220,
  "snr_csf": 3.3108572315548934,
  "snr_gm": 7.55852861170927,
  "snr_total": 10.557096654327777,
  "snr_wm": 20.80190411971917,
  "snrd_csf": 23.074536556262697,
  "snrd_gm": 39.44778263572688,
  "snrd_total": 41.523447204514056,
  "snrd_wm": 62.04802242155259,
  "spacing_x": 1.0,
  "spacing_y": 1.0,
  "spacing_z": 0.9999999403953552,
  "summary_bg_k": 55.90751606099873,
  "summary_bg_mad": 10.558475086200453,
  "summary_bg_mean": 16.181076049804688,
  "summary_bg_median": 14.216217041015625,
  "summary_bg_n": 189414.0,
  "summary_bg_p05": 0.0,
  "summary_bg_p95": 42.29219360351563,
  "summary_bg_stdv": 14.049988746643066,
  "summary_csf_k": 0.35788005948656565,
  "summary_csf_mad": 93.40593056473031,
  "summary_csf_mean": 347.4565124511719,
  "summary_csf_median": 371.87969970703125,
  "summary_csf_n": 4633.0,
  "summary_csf_p05": 124.94552459716797,
  "summary_csf_p95": 491.31894531249986,
  "summary_csf_stdv": 112.30915069580078,
  "summary_gm_k": 0.07885706659706182,
  "summary_gm_mad": 81.68166352150268,
  "summary_gm_mean": 639.9234008789062,
  "summary_gm_median": 635.7583618164062,
  "summary_gm_n": 16891.0,
  "summary_gm_p05": 508.5809326171875,
  "summary_gm_p95": 788.064697265625,
  "summary_gm_stdv": 84.10890197753906,
  "summary_wm_k": 1.0368701372936089,
  "summary_wm_mad": 43.47434195753231,
  "summary_wm_mean": 998.6424560546875,
  "summary_wm_median": 999.9940795898438,
  "summary_wm_n": 171775.0,
  "summary_wm_p05": 917.8064208984375,
  "summary_wm_p95": 1073.9164306640625,
  "summary_wm_stdv": 48.07209777832031,
  "tpm_overlap_csf": 0.16591960191726685,
  "tpm_overlap_gm": 0.45600301027297974,
  "tpm_overlap_wm": 0.5188744068145752,
  "wm2max": 0.7087196380929818
}