{
  "bids_meta": {
    "AcquisitionNumber": 4,
    "BidsifyVersion": "0.3.5",
    "ConversionSoftware": "dcm2niix",
    "ConversionSoftwareVersion": "v1.0.20181125  GCC6.3.0",
    "EchoTime": 0.00373,
    "ImageComments": "Piop",
    "ImageOrientationPatientDICOM": [
      0.999796,
      0.00491118,
      -0.0195845,
      -0.00506047,
      0.999958,
      -0.00758034
    ],
    "Manufacturer": "Philips",
    "PatientPosition": "HFS",
    "PhilipsRescaleIntercept": 0,
    "PhilipsRescaleSlope": 8.62295,
    "PhilipsScaleSlope": 0.00713581,
    "ProtocolName": "WIPt13dSENSE",
    "ReconMatrixPE": 240,
    "RepetitionTime": 0.008167,
    "SeriesDescription": "ImageMRSERIES",
    "SeriesNumber": 4,
    "UsePhilipsFloatNotDisplayScaling": 1,
    "dataset": "ds002785",
    "modality": "T1w",
    "subject_id": "0094"
  },
  "cjv": 0.29742001286841546,
  "cnr": 4.211322774510404,
  "efc": 0.7502630136606312,
  "fber": 1727.580322265625,
  "fwhm_avg": 3.6409833333333332,
  "fwhm_x": 3.5889,
  "fwhm_y": 3.80761,
  "fwhm_z": 3.52644,
  "icvs_csf": 0.21623754790302663,
  "icvs_gm": 0.4319114748083619,
  "icvs_wm": 0.3518509772886115,
  "inu_med": 1.938115119934082,
  "inu_range": 0.4664969682693483,
  "provenance": {
    "md5sum": "f947b56bdf0fb37335acaa1d70c1e115",
    "settings": {
      "testing": false
    },
    "software": "mriqc",
    "version": "22.0.0rc1",
    "warnings": {
      "large_rot_frame": true,
      "small_air_mask": true
    },
    "webapi_port": null,
    "webapi_url": "https://mriqc.nimh.nih.gov/api/v1"
  },
  "qi_1": 0.0,
  "qi_2": 0.0002952362289771003,
  "rpve_csf": 28.858345507502044,
  "rpve_gm": 15.413031200597821,
  "rpve_wm": 24.235731242010974,
  "size_x": 240,
  "size_y": 240,
  "size_z": 220,
  "snr_csf": 3.032549990833441,
  "snr_gm": 7.581568504282824,
  "snr_total": 10.50786197643218,
  "snr_wm": 20.909467434180275,
  "snrd_csf": 28.7252121141212,
  "snrd_gm": 50.72432947143947,
  "snrd_total": 54.38236249865134,
  "snrd_wm": 83.69754591039337,
  "spacing_x": 1.0,
  "spacing_y": 1.0,
  "spacing_z": 1.0,
  "summary_bg_k": 1.950446501967301,
  "summary_bg_mad": 7.827381456875796,
  "summary_bg_mean": 10.490290641784668,
  "summary_bg_median": 10.532347679138184,
  "summary_bg_n": 120006.0,
  "summary_bg_p05": 0.0,
  "summary_bg_p95": 26.874496459960938,
  "summary_bg_stdv": 8.619877815246582,
  "summary_csf_k": 0.42146084557355756,
  "summary_csf_mad": 101.18610831384929,
  "summary_csf_mean": 321.53497314453125,
  "summary_csf_median": 343.2005920410156,
  "summary_csf_n": 4069.0,
  "summary_csf_p05": 91.04774017333985,
  "summary_csf_p95": 465.9427551269531,
  "summary_csf_stdv": 113.15837097167969,
  "summary_gm_k": 0.45163933866081063,
  "summary_gm_mad": 75.5867422675216,
  "summary_gm_mean": 609.4944458007812,
  "summary_gm_median": 606.0397338867188,
  "summary_gm_n": 20049.0,
  "summary_gm_p05": 483.82012939453125,
  "summary_gm_p95": 746.7442016601562,
  "summary_gm_stdv": 79.9339370727539,
  "summary_wm_k": 1.4154634184015293,
  "summary_wm_mad": 41.5832187603009,
  "summary_wm_mean": 997.7994384765625,
  "summary_wm_median": 999.9942626953125,
  "summary_wm_n": 164764.0,
  "summary_wm_p05": 915.6900970458985,
  "summary_wm_p95": 1071.1760681152343,
  "summary_wm_stdv": 47.824806213378906,
  "tpm_overlap_csf": 0.16060249507427216,
  "tpm_overlap_gm": 0.4536410868167877,
  "tpm_overlap_wm": 0.500188410282135,
  "wm2max": 0.7903599597673104
}