{
  "aor": 0.0008646296296296296,
  "aqi": 0.005161232530864197,
  "bids_meta": {
    "AcquisitionNumber": 8,
    "BidsifyVersion": "0.3.5",
    "ConversionSoftware": "dcm2niix",
    "ConversionSoftwareVersion": "v1.0.20181125  GCC6.3.0",
    "EchoTime": 0.02762,
    "EffectiveEchoSpacing": 0.0006621159151938905,
    "ImageComments": "piop",
    "ImageOrientationPatientDICOM": [
      0.999039,
      0.032826,
      0.0290316,
      -0.0214502,
      0.944004,
      -0.329236
    ],
    "Manufacturer": "Philips",
    "NumberOfVolumesDiscardedByScanner": 2,
    "ParallelAcquisitionTechnique": "SENSE",
    "ParallelReductionFactorInPlane": 2,
    "PatientPosition": "HFS",
    "PhaseEncodingDirection": "j",
    "PhilipsRescaleIntercept": 0,
    "PhilipsRescaleSlope": 0.80147,
    "PhilipsScaleSlope": 0.0556195,
    "ProtocolName": "WIPpiopwmSENSE",
    "PulseSequenceType": "gradient echo EPI",
    "ReconMatrixPE": 80,
    "RepetitionTime": 2,
    "SeriesDescription": "ImageMRSERIES",
    "SeriesNumber": 8,
    "SliceEncodingDirection": "k",
    "SliceTiming": [
      0.0,
      0.0541,
      0.1081,
      0.1622,
      0.2162,
      0.2703,
      0.3243,
      0.3784,
      0.4324,
      0.4865,
      0.5405,
      0.5946,
      0.6486,
      0.7027,
      0.7568,
      0.8108,
      0.8649,
      0.9189,
      0.973,
      1.027,
      1.0811,
      1.1351,
      1.1892,
      1.2432,
      1.2973,
      1.3514,
      1.4054,
      1.4595,
      1.5135,
      1.5676,
      1.6216,
      1.6757,
      1.7297,
      1.7838,
      1.8378,
      1.8919,
      1.9459
    ],
    "TaskName": "workingmemory",
    "TotalReadoutTime": 0.025822520692561732,
    "UsePhilipsFloatNotDisplayScaling": 1,
    "acq_id": "seq",
    "dataset": "ds002785",
    "modality": "bold",
    "subject_id": "0061",
    "task_id": "workingmemory"
  },
  "dummy_trs": 0,
  "dvars_nstd": 17.73232250335404,
  "dvars_std": 1.136660425714286,
  "dvars_vstd": 0.9813784226086955,
  "efc": 0.42034432587681314,
  "fber": 229433.359375,
  "fd_mean": 0.09416575255955008,
  "fd_num": 6,
  "fd_perc": 3.7037037037037037,
  "fwhm_avg": 1.917043948121738,
  "fwhm_x": 1.8697266666666668,
  "fwhm_y": 2.0693566666666667,
  "fwhm_z": 1.8120485110318807,
  "gcor": 0.019753,
  "gsr_x": -0.022626297548413277,
  "gsr_y": 0.020569024607539177,
  "provenance": {
    "md5sum": "036dfdc556afd0b021c3a9cde2b23756",
    "settings": {
      "fd_thres": 0.2,
      "testing": false
    },
    "software": "mriqc",
    "version": "22.0.0rc1",
    "webapi_port": null,
    "webapi_url": "https://mriqc.nimh.nih.gov/api/v1"
  },
  "size_t": 162,
  "size_x": 80,
  "size_y": 80,
  "size_z": 37,
  "snr": 5.856873064562698,
  "spacing_tr": 2.0,
  "spacing_x": 3.0,
  "spacing_y": 3.0,
  "spacing_z": 3.299999952316284,
  "summary_bg_k": 86.87303703035808,
  "summary_bg_mad": 57.845876635805794,
  "summary_bg_mean": 548.11181640625,
  "summary_bg_median": 53.969200134277344,
  "summary_bg_n": 160302.0,
  "summary_bg_p05": 3.540931522846222,
  "summary_bg_p95": 2820.733300781233,
  "summary_bg_stdv": 1773.0321044921875,
  "summary_fg_k": 1.4485348819749078,
  "summary_fg_mad": 4150.209008641303,
  "summary_fg_mean": 27043.900390625,
  "summary_fg_median": 26816.818359375,
  "summary_fg_n": 34629.0,
  "summary_fg_p05": 19981.635546875,
  "summary_fg_p95": 34550.6,
  "summary_fg_stdv": 4578.6259765625,
  "tsnr": 79.99696350097656
}