{
  "bids_meta": {
    "AcquisitionNumber": 4,
    "BidsifyVersion": "0.3.5",
    "ConversionSoftware": "dcm2niix",
    "ConversionSoftwareVersion": "v1.0.20181125  GCC6.3.0",
    "EchoTime": 0.00373,
    "ImageComments": "PIOP",
    "ImageOrientationPatientDICOM": [
      0.999412,
      -0.0106188,
      0.032588,
      0.0115129,
      0.999559,
      -0.0273736
    ],
    "Manufacturer": "Philips",
    "PatientPosition": "HFS",
    "PhilipsRescaleIntercept": 0,
    "PhilipsRescaleSlope": 9.26032,
    "PhilipsScaleSlope": 0.00738354,
    "ProtocolName": "WIPt13dSENSE",
    "ReconMatrixPE": 240,
    "RepetitionTime": 0.008149,
    "SeriesDescription": "ImageMRSERIES",
    "SeriesNumber": 4,
    "UsePhilipsFloatNotDisplayScaling": 1,
    "dataset": "ds002785",
    "modality": "T1w",
    "subject_id": "0111"
  },
  "cjv": 0.3144634250638181,
  "cnr": 3.945633768389549,
  "efc": 0.7658051101174123,
  "fber": 167.53375244140625,
  "fwhm_avg": 3.4189132545685985,
  "fwhm_x": 3.370100200873625,
  "fwhm_y": 3.667229562832169,
  "fwhm_z": 3.21941,
  "icvs_csf": 0.18663467989239102,
  "icvs_gm": 0.4636277688727659,
  "icvs_wm": 0.34973755123484307,
  "inu_med": 0.7918450832366943,
  "inu_range": 0.3396618485450744,
  "provenance": {
    "md5sum": "ca352cd156c6d14ff977c306c3236fba",
    "settings": {
      "testing": false
    },
    "software": "mriqc",
    "version": "22.0.0rc1",
    "warnings": {
      "large_rot_frame": true,
      "small_air_mask": true
    },
    "webapi_port": null,
    "webapi_url": "https://mriqc.nimh.nih.gov/api/v1"
  },
  "qi_1": 0.0,
  "qi_2": 0.0002278298385145665,
  "rpve_csf": 34.371011516975116,
  "rpve_gm": 15.805827558786778,
  "rpve_wm": 24.897272422033932,
  "size_x": 240,
  "size_y": 240,
  "size_z": 220,
  "snr_csf": 4.047742594521472,
  "snr_gm": 7.301727938017028,
  "snr_total": 9.510906496482116,
  "snr_wm": 17.18324895690785,
  "snrd_csf": 18.239409773913035,
  "snrd_gm": 29.275425049598535,
  "snrd_total": 32.17378807071763,
  "snrd_wm": 49.00652938864132,
  "spacing_x": 0.9999999403953552,
  "spacing_y": 1.0000001192092896,
  "spacing_z": 1.0,
  "summary_bg_k": 219.527197033101,
  "summary_bg_mad": 13.368348784027141,
  "summary_bg_mean": 20.1303653717041,
  "summary_bg_median": 18.0048828125,
  "summary_bg_n": 119323.0,
  "summary_bg_p05": 0.0,
  "summary_bg_p95": 45.46769790649414,
  "summary_bg_stdv": 18.24527931213379,
  "summary_csf_k": 1.3242941398890729,
  "summary_csf_mad": 84.20382471743703,
  "summary_csf_mean": 365.4435119628906,
  "summary_csf_median": 372.1832580566406,
  "summary_csf_n": 2935.0,
  "summary_csf_p05": 210.0772247314453,
  "summary_csf_p95": 499.92909851074216,
  "summary_csf_stdv": 91.93268585205078,
  "summary_gm_k": 0.23369490322921926,
  "summary_gm_mad": 76.60951519077963,
  "summary_gm_mean": 603.714111328125,
  "summary_gm_median": 597.3780517578125,
  "summary_gm_n": 15884.0,
  "summary_gm_p05": 479.7906005859375,
  "summary_gm_p95": 749.9467742919919,
  "summary_gm_stdv": 81.8106689453125,
  "summary_wm_k": 1.435393899664521,
  "summary_wm_mad": 50.00036165932595,
  "summary_wm_mean": 995.8035278320312,
  "summary_wm_median": 1000.0,
  "summary_wm_n": 147224.0,
  "summary_wm_p05": 890.9796081542969,
  "summary_wm_p95": 1081.6892578125,
  "summary_wm_stdv": 58.196014404296875,
  "tpm_overlap_csf": 0.1454659402370453,
  "tpm_overlap_gm": 0.46596473455429077,
  "tpm_overlap_wm": 0.5008627772331238,
  "wm2max": 0.5473023302820531
}