{
  "aor": 0.003260655737704918,
  "aqi": 0.005358682213114753,
  "bids_meta": {
    "AcquisitionNumber": 3,
    "BidsifyVersion": "0.3.5",
    "ConversionSoftware": "dcm2niix",
    "ConversionSoftwareVersion": "v1.0.20181125  GCC6.3.0",
    "EchoTime": 0.02762,
    "EffectiveEchoSpacing": 0.0006621159151938905,
    "ImageComments": "PIOP",
    "ImageOrientationPatientDICOM": [
      0.999505,
      -0.0114294,
      0.0293151,
      0.0169229,
      0.980732,
      -0.194622
    ],
    "Manufacturer": "Philips",
    "NumberOfVolumesDiscardedByScanner": 2,
    "ParallelAcquisitionTechnique": "SENSE",
    "ParallelReductionFactorInPlane": 2,
    "PatientPosition": "HFS",
    "PhaseEncodingDirection": "j",
    "PhilipsRescaleIntercept": 0,
    "PhilipsRescaleSlope": 0.77021,
    "PhilipsScaleSlope": 0.0522904,
    "ProtocolName": "WIPpiopgstroopSENSE",
    "PulseSequenceType": "gradient echo EPI",
    "ReconMatrixPE": 80,
    "RepetitionTime": 2,
    "SeriesDescription": "ImageMRSERIES",
    "SeriesNumber": 3,
    "SliceEncodingDirection": "k",
    "SliceTiming": [
      0.0,
      0.0541,
      0.1081,
      0.1622,
      0.2162,
      0.2703,
      0.3243,
      0.3784,
      0.4324,
      0.4865,
      0.5405,
      0.5946,
      0.6486,
      0.7027,
      0.7568,
      0.8108,
      0.8649,
      0.9189,
      0.973,
      1.027,
      1.0811,
      1.1351,
      1.1892,
      1.2432,
      1.2973,
      1.3514,
      1.4054,
      1.4595,
      1.5135,
      1.5676,
      1.6216,
      1.6757,
      1.7297,
      1.7838,
      1.8378,
      1.8919,
      1.9459
    ],
    "TaskName": "gstroop",
    "TotalReadoutTime": 0.025822520692561732,
    "UsePhilipsFloatNotDisplayScaling": 1,
    "acq_id": "seq",
    "dataset": "ds002785",
    "modality": "bold",
    "subject_id": "0098",
    "task_id": "gstroop"
  },
  "dummy_trs": 1,
  "dvars_nstd": 21.686291706666662,
  "dvars_std": 1.257817200493826,
  "dvars_vstd": 1.0322151164609052,
  "efc": 0.4599003296313486,
  "fber": 141050.859375,
  "fd_mean": 0.13984025061355213,
  "fd_num": 26,
  "fd_perc": 10.655737704918034,
  "fwhm_avg": 1.8955804124423128,
  "fwhm_x": 1.8748366666666667,
  "fwhm_y": 2.0675166666666667,
  "fwhm_z": 1.7443879039936052,
  "gcor": 0.0201073,
  "gsr_x": -0.00980298686772585,
  "gsr_y": 0.0175226628780365,
  "provenance": {
    "md5sum": "d9c67cefac41e321082705369cc43a47",
    "settings": {
      "fd_thres": 0.2,
      "testing": false
    },
    "software": "mriqc",
    "version": "22.0.0rc1",
    "webapi_port": null,
    "webapi_url": "https://mriqc.nimh.nih.gov/api/v1"
  },
  "size_t": 244,
  "size_x": 80,
  "size_y": 80,
  "size_z": 37,
  "snr": 5.031038946461013,
  "spacing_tr": 2.0,
  "spacing_x": 3.0,
  "spacing_y": 3.0,
  "spacing_z": 3.299999952316284,
  "summary_bg_k": 27.387936070344022,
  "summary_bg_mad": 70.54945412594768,
  "summary_bg_mean": 701.541259765625,
  "summary_bg_median": 64.65875244140625,
  "summary_bg_n": 152662.0,
  "summary_bg_p05": 4.4701318740844735,
  "summary_bg_p95": 4259.883129882811,
  "summary_bg_stdv": 1942.371337890625,
  "summary_fg_k": 3.538501160007848,
  "summary_fg_mad": 4063.8908650252215,
  "summary_fg_mean": 25642.046875,
  "summary_fg_median": 25008.806640625,
  "summary_fg_n": 41262.0,
  "summary_fg_p05": 19205.26142578125,
  "summary_fg_p95": 33826.2234375,
  "summary_fg_stdv": 4970.8427734375,
  "tsnr": 74.56422424316406
}