{
  "aor": 0.0018799382716049382,
  "aqi": 0.004324463086419753,
  "bids_meta": {
    "AcquisitionNumber": 8,
    "BidsifyVersion": "0.3.5",
    "ConversionSoftware": "dcm2niix",
    "ConversionSoftwareVersion": "v1.0.20181125  GCC6.3.0",
    "EchoTime": 0.02762,
    "EffectiveEchoSpacing": 0.0006621159151938905,
    "ImageComments": "PIOP",
    "ImageOrientationPatientDICOM": [
      0.999505,
      -0.0114294,
      0.0293151,
      0.0169229,
      0.980732,
      -0.194622
    ],
    "Manufacturer": "Philips",
    "NumberOfVolumesDiscardedByScanner": 2,
    "ParallelAcquisitionTechnique": "SENSE",
    "ParallelReductionFactorInPlane": 2,
    "PatientPosition": "HFS",
    "PhaseEncodingDirection": "j",
    "PhilipsRescaleIntercept": 0,
    "PhilipsRescaleSlope": 0.75311,
    "PhilipsScaleSlope": 0.0533257,
    "ProtocolName": "WIPpiopwmSENSE",
    "PulseSequenceType": "gradient echo EPI",
    "ReconMatrixPE": 80,
    "RepetitionTime": 2,
    "SeriesDescription": "ImageMRSERIES",
    "SeriesNumber": 8,
    "SliceEncodingDirection": "k",
    "SliceTiming": [
      0.0,
      0.0541,
      0.1081,
      0.1622,
      0.2162,
      0.2703,
      0.3243,
      0.3784,
      0.4324,
      0.4865,
      0.5405,
      0.5946,
      0.6486,
      0.7027,
      0.7568,
      0.8108,
      0.8649,
      0.9189,
      0.973,
      1.027,
      1.0811,
      1.1351,
      1.1892,
      1.2432,
      1.2973,
      1.3514,
      1.4054,
      1.4595,
      1.5135,
      1.5676,
      1.6216,
      1.6757,
      1.7297,
      1.7838,
      1.8378,
      1.8919,
      1.9459
    ],
    "TaskName": "workingmemory",
    "TotalReadoutTime": 0.025822520692561732,
    "UsePhilipsFloatNotDisplayScaling": 1,
    "acq_id": "seq",
    "dataset": "ds002785",
    "modality": "bold",
    "subject_id": "0098",
    "task_id": "workingmemory"
  },
  "dummy_trs": 0,
  "dvars_nstd": 21.601076470124237,
  "dvars_std": 1.2740269901863353,
  "dvars_vstd": 1.0284815622360253,
  "efc": 0.46044886268603746,
  "fber": 141594.734375,
  "fd_mean": 0.11746830106682156,
  "fd_num": 7,
  "fd_perc": 4.320987654320987,
  "fwhm_avg": 1.9239839479862326,
  "fwhm_x": 1.8986233333333333,
  "fwhm_y": 2.0894133333333333,
  "fwhm_z": 1.7839151772920316,
  "gcor": 0.0391718,
  "gsr_x": -0.009864683263003826,
  "gsr_y": 0.0178284402936697,
  "provenance": {
    "md5sum": "f1e7215898ebd8cb04bd7e78ea5d392e",
    "settings": {
      "fd_thres": 0.2,
      "testing": false
    },
    "software": "mriqc",
    "version": "22.0.0rc1",
    "webapi_port": null,
    "webapi_url": "https://mriqc.nimh.nih.gov/api/v1"
  },
  "size_t": 162,
  "size_x": 80,
  "size_y": 80,
  "size_z": 37,
  "snr": 4.951762059003344,
  "spacing_tr": 2.0,
  "spacing_x": 3.0,
  "spacing_y": 3.0,
  "spacing_z": 3.299999952316284,
  "summary_bg_k": 25.536213417216384,
  "summary_bg_mad": 70.01747958018964,
  "summary_bg_mean": 718.45556640625,
  "summary_bg_median": 64.69275665283203,
  "summary_bg_n": 152746.0,
  "summary_bg_p05": 4.4011136293411255,
  "summary_bg_p95": 4428.360595703125,
  "summary_bg_stdv": 1974.231201171875,
  "summary_fg_k": 3.195117889732056,
  "summary_fg_mad": 4159.258094447611,
  "summary_fg_mean": 25662.396484375,
  "summary_fg_median": 24996.486328125,
  "summary_fg_n": 41200.0,
  "summary_fg_p05": 19040.564453125,
  "summary_fg_p95": 34031.98203124998,
  "summary_fg_stdv": 5047.93701171875,
  "tsnr": 80.85879516601562
}