{
  "aor": 0.001295878787878788,
  "aqi": 0.00779487287878788,
  "bids_meta": {
    "AcquisitionNumber": 2,
    "BidsifyVersion": "0.3.5",
    "ConversionSoftware": "dcm2niix",
    "ConversionSoftwareVersion": "v1.0.20181125  GCC6.3.0",
    "EchoTime": 0.02762,
    "EffectiveEchoSpacing": 0.0006333282667071997,
    "ImageComments": "PIOP",
    "ImageOrientationPatientDICOM": [
      0.999505,
      -0.0114294,
      0.0293151,
      0.0169229,
      0.980732,
      -0.194622
    ],
    "Manufacturer": "Philips",
    "NumberOfVolumesDiscardedByScanner": 2,
    "ParallelAcquisitionTechnique": "SENSE",
    "ParallelReductionFactorInPlane": 2,
    "PatientPosition": "HFS",
    "PhaseEncodingDirection": "j",
    "PhilipsRescaleIntercept": 0,
    "PhilipsRescaleSlope": 0.75556,
    "PhilipsScaleSlope": 0.0923785,
    "ProtocolName": "WIPpiopfacesSENSE",
    "PulseSequenceType": "gradient echo EPI",
    "ReconMatrixPE": 80,
    "RepetitionTime": 0.75,
    "SeriesDescription": "ImageMRSERIES",
    "SeriesNumber": 2,
    "SliceEncodingDirection": "k",
    "SliceTiming": [
      0.0,
      0.06755050505050506,
      0.1351010101010101,
      0.20265151515151517,
      0.2702020202020202,
      0.3377525252525253,
      0.40530303030303033,
      0.47285353535353536,
      0.5404040404040404,
      0.6079545454545455,
      0.6755050505050506,
      0.7430555555555556,
      0.0,
      0.06755050505050506,
      0.1351010101010101,
      0.20265151515151517,
      0.2702020202020202,
      0.3377525252525253,
      0.40530303030303033,
      0.47285353535353536,
      0.5404040404040404,
      0.6079545454545455,
      0.6755050505050506,
      0.7430555555555556,
      0.0,
      0.06755050505050506,
      0.1351010101010101,
      0.20265151515151517,
      0.2702020202020202,
      0.3377525252525253,
      0.40530303030303033,
      0.47285353535353536,
      0.5404040404040404,
      0.6079545454545455,
      0.6755050505050506,
      0.7430555555555556
    ],
    "TaskName": "faces",
    "TotalReadoutTime": 0.024699802401580786,
    "UsePhilipsFloatNotDisplayScaling": 1,
    "acq_id": "mb3",
    "dataset": "ds002785",
    "modality": "bold",
    "subject_id": "0098",
    "task_id": "faces"
  },
  "dummy_trs": 0,
  "dvars_nstd": 29.442667801671732,
  "dvars_std": 1.1780606568085112,
  "dvars_vstd": 1.0174855803039518,
  "efc": 0.46431569653391536,
  "fber": 139012.8125,
  "fd_mean": 0.11089083685823073,
  "fd_num": 15,
  "fd_perc": 4.545454545454546,
  "fwhm_avg": 1.9448399076351157,
  "fwhm_x": 1.9264133333333333,
  "fwhm_y": 2.1132033333333333,
  "fwhm_z": 1.7949030562386812,
  "gcor": 0.0100002,
  "gsr_x": -0.010294093750417233,
  "gsr_y": 0.016715362668037415,
  "provenance": {
    "md5sum": "9d9ec00232e8df39b6140fe6e7cdcbae",
    "settings": {
      "fd_thres": 0.2,
      "testing": false
    },
    "software": "mriqc",
    "version": "22.0.0rc1",
    "webapi_port": null,
    "webapi_url": "https://mriqc.nimh.nih.gov/api/v1"
  },
  "size_t": 330,
  "size_x": 80,
  "size_y": 80,
  "size_z": 36,
  "snr": 6.013146153243212,
  "spacing_tr": 0.75,
  "spacing_x": 3.0,
  "spacing_y": 3.0,
  "spacing_z": 3.299999952316284,
  "summary_bg_k": 24.910303937535662,
  "summary_bg_mad": 52.070844806836675,
  "summary_bg_mean": 481.4600830078125,
  "summary_bg_median": 45.12286376953125,
  "summary_bg_n": 148009.0,
  "summary_bg_p05": 2.590507793426514,
  "summary_bg_p95": 2891.162353515626,
  "summary_bg_stdv": 1303.0224609375,
  "summary_fg_k": 1.1472718640301292,
  "summary_fg_mad": 2714.441962561696,
  "summary_fg_mean": 17472.978515625,
  "summary_fg_median": 17330.828125,
  "summary_fg_n": 40175.0,
  "summary_fg_p05": 13133.4529296875,
  "summary_fg_p95": 22254.2763671875,
  "summary_fg_stdv": 2882.12060546875,
  "tsnr": 55.11320495605469
}