{
  "aor": 0.0006619327731092438,
  "aqi": 0.010049067605042017,
  "bids_meta": {
    "AcquisitionNumber": 6,
    "BidsifyVersion": "0.3.5",
    "ConversionSoftware": "dcm2niix",
    "ConversionSoftwareVersion": "v1.0.20181125  GCC6.3.0",
    "EchoTime": 0.02762,
    "EffectiveEchoSpacing": 0.0006333282667071997,
    "ImageComments": "Piop",
    "ImageOrientationPatientDICOM": [
      0.999028,
      0.0282389,
      -0.0338608,
      -0.0296504,
      0.99868,
      -0.0419358
    ],
    "Manufacturer": "Philips",
    "NumberOfVolumesDiscardedByScanner": 2,
    "ParallelAcquisitionTechnique": "SENSE",
    "ParallelReductionFactorInPlane": 2,
    "PatientPosition": "HFS",
    "PhaseEncodingDirection": "j",
    "PhilipsRescaleIntercept": 0,
    "PhilipsRescaleSlope": 0.77656,
    "PhilipsScaleSlope": 0.0828872,
    "ProtocolName": "WIPpioprsSENSE",
    "PulseSequenceType": "gradient echo EPI",
    "ReconMatrixPE": 80,
    "RepetitionTime": 0.75,
    "SeriesDescription": "ImageMRSERIES",
    "SeriesNumber": 6,
    "SliceEncodingDirection": "k",
    "SliceTiming": [
      0.0,
      0.06755050505050506,
      0.1351010101010101,
      0.20265151515151517,
      0.2702020202020202,
      0.3377525252525253,
      0.40530303030303033,
      0.47285353535353536,
      0.5404040404040404,
      0.6079545454545455,
      0.6755050505050506,
      0.7430555555555556,
      0.0,
      0.06755050505050506,
      0.1351010101010101,
      0.20265151515151517,
      0.2702020202020202,
      0.3377525252525253,
      0.40530303030303033,
      0.47285353535353536,
      0.5404040404040404,
      0.6079545454545455,
      0.6755050505050506,
      0.7430555555555556,
      0.0,
      0.06755050505050506,
      0.1351010101010101,
      0.20265151515151517,
      0.2702020202020202,
      0.3377525252525253,
      0.40530303030303033,
      0.47285353535353536,
      0.5404040404040404,
      0.6079545454545455,
      0.6755050505050506,
      0.7430555555555556
    ],
    "TaskName": "restingstate",
    "TotalReadoutTime": 0.024699802401580786,
    "UsePhilipsFloatNotDisplayScaling": 1,
    "acq_id": "mb3",
    "dataset": "ds002785",
    "modality": "bold",
    "subject_id": "0137",
    "task_id": "restingstate"
  },
  "dummy_trs": 4,
  "dvars_nstd": 28.765208635642097,
  "dvars_std": 1.1393463978947358,
  "dvars_vstd": 1.0082541612000009,
  "efc": 0.4529494326402363,
  "fber": 130784.6328125,
  "fd_mean": 0.15289410354852992,
  "fd_num": 102,
  "fd_perc": 21.428571428571427,
  "fwhm_avg": 1.8113465738488674,
  "fwhm_x": 1.7748366666666666,
  "fwhm_y": 1.9583333333333333,
  "fwhm_z": 1.7008697215466027,
  "gcor": 0.0195677,
  "gsr_x": -0.012865569442510605,
  "gsr_y": 0.014451171271502972,
  "provenance": {
    "md5sum": "900ea4a346f7b4c9a674fdaef6903a06",
    "settings": {
      "fd_thres": 0.2,
      "testing": false
    },
    "software": "mriqc",
    "version": "22.0.0rc1",
    "webapi_port": null,
    "webapi_url": "https://mriqc.nimh.nih.gov/api/v1"
  },
  "size_t": 476,
  "size_x": 80,
  "size_y": 80,
  "size_z": 36,
  "snr": 6.636473803859977,
  "spacing_tr": 0.75,
  "spacing_x": 3.0,
  "spacing_y": 3.0,
  "spacing_z": 3.299999952316284,
  "summary_bg_k": 37.02201013572007,
  "summary_bg_mad": 64.83413071018396,
  "summary_bg_mean": 579.6438598632812,
  "summary_bg_median": 54.38648986816406,
  "summary_bg_n": 152736.0,
  "summary_bg_p05": 4.276957273483276,
  "summary_bg_p95": 2930.9844360351562,
  "summary_bg_stdv": 1416.3697509765625,
  "summary_fg_k": 1.4430597960875504,
  "summary_fg_mad": 2805.760992957775,
  "summary_fg_mean": 20078.32421875,
  "summary_fg_median": 19986.755859375,
  "summary_fg_n": 37279.0,
  "summary_fg_p05": 15426.778125,
  "summary_fg_p95": 24977.9326171875,
  "summary_fg_stdv": 3011.612548828125,
  "tsnr": 51.324039459228516
}