{
  "aor": 0.001085679012345679,
  "aqi": 0.0043877124074074075,
  "bids_meta": {
    "AcquisitionNumber": 8,
    "BidsifyVersion": "0.3.5",
    "ConversionSoftware": "dcm2niix",
    "ConversionSoftwareVersion": "v1.0.20181125  GCC6.3.0",
    "EchoTime": 0.02762,
    "EffectiveEchoSpacing": 0.0006621159151938905,
    "ImageComments": "Piop",
    "ImageOrientationPatientDICOM": [
      0.999028,
      0.0282389,
      -0.0338608,
      -0.0296504,
      0.99868,
      -0.0419358
    ],
    "Manufacturer": "Philips",
    "NumberOfVolumesDiscardedByScanner": 2,
    "ParallelAcquisitionTechnique": "SENSE",
    "ParallelReductionFactorInPlane": 2,
    "PatientPosition": "HFS",
    "PhaseEncodingDirection": "j",
    "PhilipsRescaleIntercept": 0,
    "PhilipsRescaleSlope": 0.79976,
    "PhilipsScaleSlope": 0.0524512,
    "ProtocolName": "WIPpiopwmSENSE",
    "PulseSequenceType": "gradient echo EPI",
    "ReconMatrixPE": 80,
    "RepetitionTime": 2,
    "SeriesDescription": "ImageMRSERIES",
    "SeriesNumber": 8,
    "SliceEncodingDirection": "k",
    "SliceTiming": [
      0.0,
      0.0541,
      0.1081,
      0.1622,
      0.2162,
      0.2703,
      0.3243,
      0.3784,
      0.4324,
      0.4865,
      0.5405,
      0.5946,
      0.6486,
      0.7027,
      0.7568,
      0.8108,
      0.8649,
      0.9189,
      0.973,
      1.027,
      1.0811,
      1.1351,
      1.1892,
      1.2432,
      1.2973,
      1.3514,
      1.4054,
      1.4595,
      1.5135,
      1.5676,
      1.6216,
      1.6757,
      1.7297,
      1.7838,
      1.8378,
      1.8919,
      1.9459
    ],
    "TaskName": "workingmemory",
    "TotalReadoutTime": 0.025822520692561732,
    "UsePhilipsFloatNotDisplayScaling": 1,
    "acq_id": "seq",
    "dataset": "ds002785",
    "modality": "bold",
    "subject_id": "0137",
    "task_id": "workingmemory"
  },
  "dummy_trs": 0,
  "dvars_nstd": 21.52113254621119,
  "dvars_std": 1.2558318936645967,
  "dvars_vstd": 1.0105323700621116,
  "efc": 0.44361895231932497,
  "fber": 136191.171875,
  "fd_mean": 0.11733477490667933,
  "fd_num": 11,
  "fd_perc": 6.790123456790123,
  "fwhm_avg": 1.8536995034279578,
  "fwhm_x": 1.8157333333333332,
  "fwhm_y": 1.9850833333333335,
  "fwhm_z": 1.7602818436172059,
  "gcor": 0.0309092,
  "gsr_x": -0.01155195664614439,
  "gsr_y": 0.015045731328427792,
  "provenance": {
    "md5sum": "525cd3dad5d1a1dfff1624ebbeff80c3",
    "settings": {
      "fd_thres": 0.2,
      "testing": false
    },
    "software": "mriqc",
    "version": "22.0.0rc1",
    "webapi_port": null,
    "webapi_url": "https://mriqc.nimh.nih.gov/api/v1"
  },
  "size_t": 162,
  "size_x": 80,
  "size_y": 80,
  "size_z": 37,
  "snr": 5.1528230380456606,
  "spacing_tr": 2.0,
  "spacing_x": 3.0,
  "spacing_y": 3.0,
  "spacing_z": 3.299999952316284,
  "summary_bg_k": 56.9248030703067,
  "summary_bg_mad": 81.91477362755182,
  "summary_bg_mean": 723.5928344726562,
  "summary_bg_median": 70.81422424316406,
  "summary_bg_n": 157657.0,
  "summary_bg_p05": 5.718646430969239,
  "summary_bg_p95": 3707.0681152343745,
  "summary_bg_stdv": 1868.2879638671875,
  "summary_fg_k": 2.1996725364732237,
  "summary_fg_mad": 4753.849633193621,
  "summary_fg_mean": 27388.19921875,
  "summary_fg_median": 26891.32421875,
  "summary_fg_n": 38030.0,
  "summary_fg_p05": 20158.583203125,
  "summary_fg_p95": 36085.548046874996,
  "summary_fg_stdv": 5218.68701171875,
  "tsnr": 76.50833129882812
}