{
  "aor": 0.0023007,
  "aqi": 0.00487486415,
  "bids_meta": {
    "AcquisitionNumber": 9,
    "BidsifyVersion": "0.3.5",
    "ConversionSoftware": "dcm2niix",
    "ConversionSoftwareVersion": "v1.0.20181125  GCC6.3.0",
    "EchoTime": 0.02762,
    "EffectiveEchoSpacing": 0.0006621159151938905,
    "ImageComments": "Piop",
    "ImageOrientationPatientDICOM": [
      0.999028,
      0.0282389,
      -0.0338608,
      -0.0296504,
      0.99868,
      -0.0419358
    ],
    "Manufacturer": "Philips",
    "NumberOfVolumesDiscardedByScanner": 2,
    "ParallelAcquisitionTechnique": "SENSE",
    "ParallelReductionFactorInPlane": 2,
    "PatientPosition": "HFS",
    "PhaseEncodingDirection": "j",
    "PhilipsRescaleIntercept": 0,
    "PhilipsRescaleSlope": 0.86325,
    "PhilipsScaleSlope": 0.0503612,
    "ProtocolName": "WIPpiopanticipatieSENSE",
    "PulseSequenceType": "gradient echo EPI",
    "ReconMatrixPE": 80,
    "RepetitionTime": 2,
    "SeriesDescription": "ImageMRSERIES",
    "SeriesNumber": 9,
    "SliceEncodingDirection": "k",
    "SliceTiming": [
      0.0,
      0.0541,
      0.1081,
      0.1622,
      0.2162,
      0.2703,
      0.3243,
      0.3784,
      0.4324,
      0.4865,
      0.5405,
      0.5946,
      0.6486,
      0.7027,
      0.7568,
      0.8108,
      0.8649,
      0.9189,
      0.973,
      1.027,
      1.0811,
      1.1351,
      1.1892,
      1.2432,
      1.2973,
      1.3514,
      1.4054,
      1.4595,
      1.5135,
      1.5676,
      1.6216,
      1.6757,
      1.7297,
      1.7838,
      1.8378,
      1.8919,
      1.9459
    ],
    "TaskName": "anticipation",
    "TotalReadoutTime": 0.025822520692561732,
    "UsePhilipsFloatNotDisplayScaling": 1,
    "acq_id": "seq",
    "dataset": "ds002785",
    "modality": "bold",
    "subject_id": "0137",
    "task_id": "anticipation"
  },
  "dummy_trs": 0,
  "dvars_nstd": 22.684996667336673,
  "dvars_std": 1.2578987333165825,
  "dvars_vstd": 1.0139734678894479,
  "efc": 0.44414401156479993,
  "fber": 126653.2265625,
  "fd_mean": 0.13774008455678763,
  "fd_num": 18,
  "fd_perc": 9.0,
  "fwhm_avg": 1.8354572810390832,
  "fwhm_x": 1.80392,
  "fwhm_y": 1.9767700000000001,
  "fwhm_z": 1.7256818431172494,
  "gcor": 0.0378421,
  "gsr_x": -0.011183863505721092,
  "gsr_y": 0.015342925675213337,
  "provenance": {
    "md5sum": "69cb18aa49c63664abe18f5bc11095c8",
    "settings": {
      "fd_thres": 0.2,
      "testing": false
    },
    "software": "mriqc",
    "version": "22.0.0rc1",
    "webapi_port": null,
    "webapi_url": "https://mriqc.nimh.nih.gov/api/v1"
  },
  "size_t": 200,
  "size_x": 80,
  "size_y": 80,
  "size_z": 37,
  "snr": 5.160922046316028,
  "spacing_tr": 2.0,
  "spacing_x": 3.0,
  "spacing_y": 3.0,
  "spacing_z": 3.299999952316284,
  "summary_bg_k": 54.25045983444321,
  "summary_bg_mad": 87.48840532662463,
  "summary_bg_mean": 734.1632690429688,
  "summary_bg_median": 73.72905731201172,
  "summary_bg_n": 157635.0,
  "summary_bg_p05": 4.816742897033692,
  "summary_bg_p95": 3751.3536376953007,
  "summary_bg_stdv": 1888.7386474609375,
  "summary_fg_k": 2.2974137851153538,
  "summary_fg_mad": 4761.6202641572145,
  "summary_fg_mean": 27493.0703125,
  "summary_fg_median": 27012.361328125,
  "summary_fg_n": 38057.0,
  "summary_fg_p05": 20234.45390625,
  "summary_fg_p95": 36181.44609375,
  "summary_fg_stdv": 5233.94970703125,
  "tsnr": 73.2235107421875
}