{
  "aor": 0.001965,
  "aqi": 0.004554686111111111,
  "bids_meta": {
    "AcquisitionNumber": 8,
    "BidsifyVersion": "0.3.5",
    "ConversionSoftware": "dcm2niix",
    "ConversionSoftwareVersion": "v1.0.20181125  GCC6.3.0",
    "EchoTime": 0.02762,
    "EffectiveEchoSpacing": 0.0006621159151938905,
    "ImageComments": "Piop",
    "ImageOrientationPatientDICOM": [
      0.998087,
      0.0205615,
      -0.0582976,
      -0.0404363,
      0.930476,
      -0.364115
    ],
    "Manufacturer": "Philips",
    "NumberOfVolumesDiscardedByScanner": 2,
    "ParallelAcquisitionTechnique": "SENSE",
    "ParallelReductionFactorInPlane": 2,
    "PatientPosition": "HFS",
    "PhaseEncodingDirection": "j",
    "PhilipsRescaleIntercept": 0,
    "PhilipsRescaleSlope": 0.80415,
    "PhilipsScaleSlope": 0.0590318,
    "ProtocolName": "WIPpiopwmSENSE",
    "PulseSequenceType": "gradient echo EPI",
    "ReconMatrixPE": 80,
    "RepetitionTime": 2,
    "SeriesDescription": "ImageMRSERIES",
    "SeriesNumber": 8,
    "SliceEncodingDirection": "k",
    "SliceTiming": [
      0.0,
      0.0541,
      0.1081,
      0.1622,
      0.2162,
      0.2703,
      0.3243,
      0.3784,
      0.4324,
      0.4865,
      0.5405,
      0.5946,
      0.6486,
      0.7027,
      0.7568,
      0.8108,
      0.8649,
      0.9189,
      0.973,
      1.027,
      1.0811,
      1.1351,
      1.1892,
      1.2432,
      1.2973,
      1.3514,
      1.4054,
      1.4595,
      1.5135,
      1.5676,
      1.6216,
      1.6757,
      1.7297,
      1.7838,
      1.8378,
      1.8919,
      1.9459
    ],
    "TaskName": "workingmemory",
    "TotalReadoutTime": 0.025822520692561732,
    "UsePhilipsFloatNotDisplayScaling": 1,
    "acq_id": "seq",
    "dataset": "ds002785",
    "modality": "bold",
    "subject_id": "0067",
    "task_id": "workingmemory"
  },
  "dummy_trs": 0,
  "dvars_nstd": 23.27310576335405,
  "dvars_std": 1.2999424961490682,
  "dvars_vstd": 0.9830437995031054,
  "efc": 0.4269300469758356,
  "fber": 145013.734375,
  "fd_mean": 0.1372567896942965,
  "fd_num": 15,
  "fd_perc": 9.25925925925926,
  "fwhm_avg": 1.8656310187223049,
  "fwhm_x": 1.8174299999999999,
  "fwhm_y": 1.9895266666666667,
  "fwhm_z": 1.7899363895002478,
  "gcor": 0.0175301,
  "gsr_x": -0.026421036571264267,
  "gsr_y": 0.01767626404762268,
  "provenance": {
    "md5sum": "ce4083c7c2f305778d9a57ff59b23b0f",
    "settings": {
      "fd_thres": 0.2,
      "testing": false
    },
    "software": "mriqc",
    "version": "22.0.0rc1",
    "webapi_port": null,
    "webapi_url": "https://mriqc.nimh.nih.gov/api/v1"
  },
  "size_t": 162,
  "size_x": 80,
  "size_y": 80,
  "size_z": 37,
  "snr": 5.184531918880292,
  "spacing_tr": 2.0,
  "spacing_x": 3.0,
  "spacing_y": 3.0,
  "spacing_z": 3.299999952316284,
  "summary_bg_k": 43.74544760064489,
  "summary_bg_mad": 64.55557439851195,
  "summary_bg_mean": 705.067626953125,
  "summary_bg_median": 65.04093933105469,
  "summary_bg_n": 161274.0,
  "summary_bg_p05": 8.571653556823732,
  "summary_bg_p95": 3970.870166015628,
  "summary_bg_stdv": 2032.6297607421875,
  "summary_fg_k": 1.5749814983264985,
  "summary_fg_mad": 4529.200648600527,
  "summary_fg_mean": 25929.302734375,
  "summary_fg_median": 25403.048828125,
  "summary_fg_n": 34194.0,
  "summary_fg_p05": 18921.98486328125,
  "summary_fg_p95": 34256.4724609375,
  "summary_fg_stdv": 4899.705078125,
  "tsnr": 74.45589447021484
}