{
  "aor": 0.0007121757322175731,
  "aqi": 0.008755877761506277,
  "bids_meta": {
    "AcquisitionNumber": 6,
    "BidsifyVersion": "0.3.5",
    "ConversionSoftware": "dcm2niix",
    "ConversionSoftwareVersion": "v1.0.20181125  GCC6.3.0",
    "EchoTime": 0.02762,
    "EffectiveEchoSpacing": 0.0006333282667071997,
    "ImageComments": "Piop",
    "ImageOrientationPatientDICOM": [
      0.998087,
      0.0205615,
      -0.0582976,
      -0.0404363,
      0.930476,
      -0.364115
    ],
    "Manufacturer": "Philips",
    "NumberOfVolumesDiscardedByScanner": 2,
    "ParallelAcquisitionTechnique": "SENSE",
    "ParallelReductionFactorInPlane": 2,
    "PatientPosition": "HFS",
    "PhaseEncodingDirection": "j",
    "PhilipsRescaleIntercept": 0,
    "PhilipsRescaleSlope": 0.80928,
    "PhilipsScaleSlope": 0.0901352,
    "ProtocolName": "WIPpioprsSENSE",
    "PulseSequenceType": "gradient echo EPI",
    "ReconMatrixPE": 80,
    "RepetitionTime": 0.75,
    "SeriesDescription": "ImageMRSERIES",
    "SeriesNumber": 6,
    "SliceEncodingDirection": "k",
    "SliceTiming": [
      0.0,
      0.06755050505050506,
      0.1351010101010101,
      0.20265151515151517,
      0.2702020202020202,
      0.3377525252525253,
      0.40530303030303033,
      0.47285353535353536,
      0.5404040404040404,
      0.6079545454545455,
      0.6755050505050506,
      0.7430555555555556,
      0.0,
      0.06755050505050506,
      0.1351010101010101,
      0.20265151515151517,
      0.2702020202020202,
      0.3377525252525253,
      0.40530303030303033,
      0.47285353535353536,
      0.5404040404040404,
      0.6079545454545455,
      0.6755050505050506,
      0.7430555555555556,
      0.0,
      0.06755050505050506,
      0.1351010101010101,
      0.20265151515151517,
      0.2702020202020202,
      0.3377525252525253,
      0.40530303030303033,
      0.47285353535353536,
      0.5404040404040404,
      0.6079545454545455,
      0.6755050505050506,
      0.7430555555555556
    ],
    "TaskName": "restingstate",
    "TotalReadoutTime": 0.024699802401580786,
    "UsePhilipsFloatNotDisplayScaling": 1,
    "acq_id": "mb3",
    "dataset": "ds002785",
    "modality": "bold",
    "subject_id": "0067",
    "task_id": "restingstate"
  },
  "dummy_trs": 2,
  "dvars_nstd": 22.939967077379432,
  "dvars_std": 1.0700013882180293,
  "dvars_vstd": 1.0026399886163526,
  "efc": 0.4334302838500985,
  "fber": 146207.40625,
  "fd_mean": 0.08892143218620438,
  "fd_num": 12,
  "fd_perc": 2.510460251046025,
  "fwhm_avg": 1.9133379886029018,
  "fwhm_x": 1.91029,
  "fwhm_y": 2.0016633333333336,
  "fwhm_z": 1.828060632475371,
  "gcor": 0.0106609,
  "gsr_x": -0.028535129502415657,
  "gsr_y": 0.01564144529402256,
  "provenance": {
    "md5sum": "99a165f1f0b155f384d157e6a6696f37",
    "settings": {
      "fd_thres": 0.2,
      "testing": false
    },
    "software": "mriqc",
    "version": "22.0.0rc1",
    "webapi_port": null,
    "webapi_url": "https://mriqc.nimh.nih.gov/api/v1"
  },
  "size_t": 478,
  "size_x": 80,
  "size_y": 80,
  "size_z": 36,
  "snr": 6.24753310410672,
  "spacing_tr": 0.75,
  "spacing_x": 3.0,
  "spacing_y": 3.0,
  "spacing_z": 3.299999952316284,
  "summary_bg_k": 31.914223516265885,
  "summary_bg_mad": 50.86470629891038,
  "summary_bg_mean": 512.8037719726562,
  "summary_bg_median": 46.95012283325195,
  "summary_bg_n": 156212.0,
  "summary_bg_p05": 4.782316637039185,
  "summary_bg_p95": 2827.171459960935,
  "summary_bg_stdv": 1403.2384033203125,
  "summary_fg_k": 0.7155274127334237,
  "summary_fg_mad": 2822.741421491597,
  "summary_fg_mean": 18473.55078125,
  "summary_fg_median": 18430.265625,
  "summary_fg_n": 33533.0,
  "summary_fg_p05": 13674.9185546875,
  "summary_fg_p95": 23280.258984374996,
  "summary_fg_stdv": 2949.962890625,
  "tsnr": 50.02046203613281
}