{
  "aor": 0.0010464848484848487,
  "aqi": 0.005741484787878787,
  "bids_meta": {
    "AcquisitionNumber": 2,
    "BidsifyVersion": "0.3.5",
    "ConversionSoftware": "dcm2niix",
    "ConversionSoftwareVersion": "v1.0.20181125  GCC6.3.0",
    "EchoTime": 0.02762,
    "EffectiveEchoSpacing": 0.0006333282667071997,
    "ImageComments": "Piop",
    "ImageOrientationPatientDICOM": [
      0.998087,
      0.0205615,
      -0.0582976,
      -0.0404363,
      0.930476,
      -0.364115
    ],
    "Manufacturer": "Philips",
    "NumberOfVolumesDiscardedByScanner": 2,
    "ParallelAcquisitionTechnique": "SENSE",
    "ParallelReductionFactorInPlane": 2,
    "PatientPosition": "HFS",
    "PhaseEncodingDirection": "j",
    "PhilipsRescaleIntercept": 0,
    "PhilipsRescaleSlope": 0.88571,
    "PhilipsScaleSlope": 0.085977,
    "ProtocolName": "WIPpiopfacesSENSE",
    "PulseSequenceType": "gradient echo EPI",
    "ReconMatrixPE": 80,
    "RepetitionTime": 0.75,
    "SeriesDescription": "ImageMRSERIES",
    "SeriesNumber": 2,
    "SliceEncodingDirection": "k",
    "SliceTiming": [
      0.0,
      0.06755050505050506,
      0.1351010101010101,
      0.20265151515151517,
      0.2702020202020202,
      0.3377525252525253,
      0.40530303030303033,
      0.47285353535353536,
      0.5404040404040404,
      0.6079545454545455,
      0.6755050505050506,
      0.7430555555555556,
      0.0,
      0.06755050505050506,
      0.1351010101010101,
      0.20265151515151517,
      0.2702020202020202,
      0.3377525252525253,
      0.40530303030303033,
      0.47285353535353536,
      0.5404040404040404,
      0.6079545454545455,
      0.6755050505050506,
      0.7430555555555556,
      0.0,
      0.06755050505050506,
      0.1351010101010101,
      0.20265151515151517,
      0.2702020202020202,
      0.3377525252525253,
      0.40530303030303033,
      0.47285353535353536,
      0.5404040404040404,
      0.6079545454545455,
      0.6755050505050506,
      0.7430555555555556
    ],
    "TaskName": "faces",
    "TotalReadoutTime": 0.024699802401580786,
    "UsePhilipsFloatNotDisplayScaling": 1,
    "acq_id": "mb3",
    "dataset": "ds002785",
    "modality": "bold",
    "subject_id": "0067",
    "task_id": "faces"
  },
  "dummy_trs": 0,
  "dvars_nstd": 20.557765537598772,
  "dvars_std": 1.0863931146200612,
  "dvars_vstd": 1.0085594788449839,
  "efc": 0.43528591970066427,
  "fber": 144880.03125,
  "fd_mean": 0.11397721753837403,
  "fd_num": 19,
  "fd_perc": 5.757575757575758,
  "fwhm_avg": 2.1311608652196536,
  "fwhm_x": 2.1732299999999998,
  "fwhm_y": 2.2430766666666666,
  "fwhm_z": 1.977175928992294,
  "gcor": 0.0262024,
  "gsr_x": -0.030332261696457863,
  "gsr_y": 0.012958611361682415,
  "provenance": {
    "md5sum": "8e595215764f8c7ec14ab49c2a0c9fc0",
    "settings": {
      "fd_thres": 0.2,
      "testing": false
    },
    "software": "mriqc",
    "version": "22.0.0rc1",
    "webapi_port": null,
    "webapi_url": "https://mriqc.nimh.nih.gov/api/v1"
  },
  "size_t": 330,
  "size_x": 80,
  "size_y": 80,
  "size_z": 36,
  "snr": 6.293578083185708,
  "spacing_tr": 0.75,
  "spacing_x": 3.0,
  "spacing_y": 3.0,
  "spacing_z": 3.299999713897705,
  "summary_bg_k": 30.807050742363558,
  "summary_bg_mad": 51.462066145297605,
  "summary_bg_mean": 517.6575927734375,
  "summary_bg_median": 48.25784683227539,
  "summary_bg_n": 156081.0,
  "summary_bg_p05": 5.871383190155029,
  "summary_bg_p95": 2837.087158203125,
  "summary_bg_stdv": 1368.133544921875,
  "summary_fg_k": 0.40731238491586197,
  "summary_fg_mad": 2914.9668083220367,
  "summary_fg_mean": 18900.185546875,
  "summary_fg_median": 18834.07421875,
  "summary_fg_n": 33561.0,
  "summary_fg_p05": 14047.404296875,
  "summary_fg_p95": 23787.65625,
  "summary_fg_stdv": 2992.54150390625,
  "tsnr": 61.07303237915039
}