{
  "aor": 0.0021511428571428575,
  "aqi": 0.004049174816326531,
  "bids_meta": {
    "AcquisitionNumber": 3,
    "BidsifyVersion": "0.3.5",
    "ConversionSoftware": "dcm2niix",
    "ConversionSoftwareVersion": "v1.0.20181125  GCC6.3.0",
    "EchoTime": 0.02762,
    "EffectiveEchoSpacing": 0.0006621159151938905,
    "ImageComments": "Piop",
    "ImageOrientationPatientDICOM": [
      0.998087,
      0.0205615,
      -0.0582976,
      -0.0404363,
      0.930476,
      -0.364115
    ],
    "Manufacturer": "Philips",
    "NumberOfVolumesDiscardedByScanner": 2,
    "ParallelAcquisitionTechnique": "SENSE",
    "ParallelReductionFactorInPlane": 2,
    "PatientPosition": "HFS",
    "PhaseEncodingDirection": "j",
    "PhilipsRescaleIntercept": 0,
    "PhilipsRescaleSlope": 0.81807,
    "PhilipsScaleSlope": 0.0531061,
    "ProtocolName": "WIPpiopgstroopSENSE",
    "PulseSequenceType": "gradient echo EPI",
    "ReconMatrixPE": 80,
    "RepetitionTime": 2,
    "SeriesDescription": "ImageMRSERIES",
    "SeriesNumber": 3,
    "SliceEncodingDirection": "k",
    "SliceTiming": [
      0.0,
      0.0541,
      0.1081,
      0.1622,
      0.2162,
      0.2703,
      0.3243,
      0.3784,
      0.4324,
      0.4865,
      0.5405,
      0.5946,
      0.6486,
      0.7027,
      0.7568,
      0.8108,
      0.8649,
      0.9189,
      0.973,
      1.027,
      1.0811,
      1.1351,
      1.1892,
      1.2432,
      1.2973,
      1.3514,
      1.4054,
      1.4595,
      1.5135,
      1.5676,
      1.6216,
      1.6757,
      1.7297,
      1.7838,
      1.8378,
      1.8919,
      1.9459
    ],
    "TaskName": "gstroop",
    "TotalReadoutTime": 0.025822520692561732,
    "UsePhilipsFloatNotDisplayScaling": 1,
    "acq_id": "seq",
    "dataset": "ds002785",
    "modality": "bold",
    "subject_id": "0067",
    "task_id": "gstroop"
  },
  "dummy_trs": 0,
  "dvars_nstd": 21.37174470700819,
  "dvars_std": 1.2525714493442626,
  "dvars_vstd": 1.0211790312704918,
  "efc": 0.4256980165989737,
  "fber": 151106.734375,
  "fd_mean": 0.15366540929568073,
  "fd_num": 50,
  "fd_perc": 20.408163265306122,
  "fwhm_avg": 1.8126951599346774,
  "fwhm_x": 1.7631433333333335,
  "fwhm_y": 1.9268966666666667,
  "fwhm_z": 1.7480454798040315,
  "gcor": 0.0359884,
  "gsr_x": -0.02644723653793335,
  "gsr_y": 0.015522955916821957,
  "provenance": {
    "md5sum": "9f0f9c77d219c1b084480b7619f9e18b",
    "settings": {
      "fd_thres": 0.2,
      "testing": false
    },
    "software": "mriqc",
    "version": "22.0.0rc1",
    "webapi_port": null,
    "webapi_url": "https://mriqc.nimh.nih.gov/api/v1"
  },
  "size_t": 245,
  "size_x": 80,
  "size_y": 80,
  "size_z": 37,
  "snr": 5.290301799356859,
  "spacing_tr": 2.0,
  "spacing_x": 3.0,
  "spacing_y": 3.0,
  "spacing_z": 3.299999952316284,
  "summary_bg_k": 47.424962487509134,
  "summary_bg_mad": 65.57368280082076,
  "summary_bg_mean": 698.7785034179688,
  "summary_bg_median": 65.31370544433594,
  "summary_bg_n": 161310.0,
  "summary_bg_p05": 7.693174886703491,
  "summary_bg_p95": 3857.9905151367,
  "summary_bg_stdv": 2056.058349609375,
  "summary_fg_k": 1.843231624763031,
  "summary_fg_mad": 4498.257118704138,
  "summary_fg_mean": 26469.986328125,
  "summary_fg_median": 25949.0703125,
  "summary_fg_n": 34124.0,
  "summary_fg_p05": 19541.09140625,
  "summary_fg_p95": 34715.543359375,
  "summary_fg_stdv": 4904.95458984375,
  "tsnr": 76.8380355834961
}