{
  "bids_meta": {
    "AcquisitionNumber": 4,
    "BidsifyVersion": "0.3.5",
    "ConversionSoftware": "dcm2niix",
    "ConversionSoftwareVersion": "v1.0.20181125  GCC6.3.0",
    "EchoTime": 0.00375,
    "ImageComments": "Piop",
    "ImageOrientationPatientDICOM": [
      0.998174,
      -0.0144498,
      0.0586473,
      0.0182945,
      0.997681,
      -0.0655585
    ],
    "Manufacturer": "Philips",
    "PatientPosition": "HFS",
    "PhilipsRescaleIntercept": 0,
    "PhilipsRescaleSlope": 10.1944,
    "PhilipsScaleSlope": 0.00732795,
    "ProtocolName": "WIPt13dSENSE",
    "ReconMatrixPE": 240,
    "RepetitionTime": 0.008203,
    "SeriesDescription": "ImageMRSERIES",
    "SeriesNumber": 4,
    "UsePhilipsFloatNotDisplayScaling": 1,
    "dataset": "ds002785",
    "modality": "T1w",
    "subject_id": "0054"
  },
  "cjv": 0.3197737451610052,
  "cnr": 3.8976143248804305,
  "efc": 0.7640786325589113,
  "fber": 634.2691040039062,
  "fwhm_avg": 3.4360666666666666,
  "fwhm_x": 3.48128,
  "fwhm_y": 3.58527,
  "fwhm_z": 3.24165,
  "icvs_csf": 0.22426683213203308,
  "icvs_gm": 0.40819054620263956,
  "icvs_wm": 0.36754262166532736,
  "inu_med": 1.9666481018066406,
  "inu_range": 0.49227948188781734,
  "provenance": {
    "md5sum": "8f1ee5b264a98eeb87d41d189685fad4",
    "settings": {
      "testing": false
    },
    "software": "mriqc",
    "version": "22.0.0rc1",
    "warnings": {
      "large_rot_frame": true,
      "small_air_mask": true
    },
    "webapi_port": null,
    "webapi_url": "https://mriqc.nimh.nih.gov/api/v1"
  },
  "qi_1": 0.0,
  "qi_2": 0.00014359285076131397,
  "rpve_csf": 29.767023536348848,
  "rpve_gm": 16.78980825050222,
  "rpve_wm": 24.45196824442872,
  "size_x": 240,
  "size_y": 240,
  "size_z": 220,
  "snr_csf": 3.4577336841165334,
  "snr_gm": 7.980087110808006,
  "snr_total": 10.575879717883168,
  "snr_wm": 20.28981835872497,
  "snrd_csf": 26.52136384718924,
  "snrd_gm": 45.07852644065475,
  "snrd_total": 47.590436527368844,
  "snrd_wm": 71.17141929426255,
  "spacing_x": 1.0,
  "spacing_y": 1.0,
  "spacing_z": 1.0,
  "summary_bg_k": 7.559307842018985,
  "summary_bg_mad": 9.204902580375297,
  "summary_bg_mean": 14.104691505432129,
  "summary_bg_median": 12.346407890319824,
  "summary_bg_n": 157142.0,
  "summary_bg_p05": 0.0,
  "summary_bg_p95": 31.744358444213848,
  "summary_bg_stdv": 10.934121131896973,
  "summary_csf_k": 1.0323106656027736,
  "summary_csf_mad": 85.10547562717761,
  "summary_csf_mean": 356.1863708496094,
  "summary_csf_median": 372.6347351074219,
  "summary_csf_n": 3477.0,
  "summary_csf_p05": 142.62696228027343,
  "summary_csf_p95": 508.0954406738281,
  "summary_csf_stdv": 107.75299072265625,
  "summary_gm_k": 0.8106224798019457,
  "summary_gm_mad": 72.36309593988221,
  "summary_gm_mean": 638.065185546875,
  "summary_gm_median": 633.3695678710938,
  "summary_gm_n": 14641.0,
  "summary_gm_p05": 517.695556640625,
  "summary_gm_p95": 779.4841918945312,
  "summary_gm_stdv": 79.36604309082031,
  "summary_wm_k": 0.9221354487823872,
  "summary_wm_mad": 44.87061589744573,
  "summary_wm_mean": 998.7811889648438,
  "summary_wm_median": 999.984130859375,
  "summary_wm_n": 171646.0,
  "summary_wm_p05": 916.2918243408203,
  "summary_wm_p95": 1077.1470947265625,
  "summary_wm_stdv": 49.28487777709961,
  "tpm_overlap_csf": 0.12607920169830322,
  "tpm_overlap_gm": 0.4104629456996918,
  "tpm_overlap_wm": 0.4751635491847992,
  "wm2max": 0.7930283969036662
}