{
  "aor": 0.0011468,
  "aqi": 0.0045833633,
  "bids_meta": {
    "AcquisitionNumber": 9,
    "BidsifyVersion": "0.3.5",
    "ConversionSoftware": "dcm2niix",
    "ConversionSoftwareVersion": "v1.0.20181125  GCC6.3.0",
    "EchoTime": 0.02762,
    "EffectiveEchoSpacing": 0.0006621159151938905,
    "ImageComments": "Piop",
    "ImageOrientationPatientDICOM": [
      0.999909,
      -0.00801426,
      -0.0108773,
      0.00645722,
      0.990646,
      -0.136307
    ],
    "Manufacturer": "Philips",
    "NumberOfVolumesDiscardedByScanner": 2,
    "ParallelAcquisitionTechnique": "SENSE",
    "ParallelReductionFactorInPlane": 2,
    "PatientPosition": "HFS",
    "PhaseEncodingDirection": "j",
    "PhilipsRescaleIntercept": 0,
    "PhilipsRescaleSlope": 0.737,
    "PhilipsScaleSlope": 0.0588154,
    "ProtocolName": "WIPpiopanticipatieSENSE",
    "PulseSequenceType": "gradient echo EPI",
    "ReconMatrixPE": 80,
    "RepetitionTime": 2,
    "SeriesDescription": "ImageMRSERIES",
    "SeriesNumber": 9,
    "SliceEncodingDirection": "k",
    "SliceTiming": [
      0.0,
      0.0541,
      0.1081,
      0.1622,
      0.2162,
      0.2703,
      0.3243,
      0.3784,
      0.4324,
      0.4865,
      0.5405,
      0.5946,
      0.6486,
      0.7027,
      0.7568,
      0.8108,
      0.8649,
      0.9189,
      0.973,
      1.027,
      1.0811,
      1.1351,
      1.1892,
      1.2432,
      1.2973,
      1.3514,
      1.4054,
      1.4595,
      1.5135,
      1.5676,
      1.6216,
      1.6757,
      1.7297,
      1.7838,
      1.8378,
      1.8919,
      1.9459
    ],
    "TaskName": "anticipation",
    "TotalReadoutTime": 0.025822520692561732,
    "UsePhilipsFloatNotDisplayScaling": 1,
    "acq_id": "seq",
    "dataset": "ds002785",
    "modality": "bold",
    "subject_id": "0148",
    "task_id": "anticipation"
  },
  "dummy_trs": 0,
  "dvars_nstd": 21.75563205050252,
  "dvars_std": 1.2446948517085428,
  "dvars_vstd": 0.9868461977889443,
  "efc": 0.4365272672496804,
  "fber": 155294.984375,
  "fd_mean": 0.11190752653962506,
  "fd_num": 20,
  "fd_perc": 10.0,
  "fwhm_avg": 1.8348805133409767,
  "fwhm_x": 1.7773633333333334,
  "fwhm_y": 2.0060266666666666,
  "fwhm_z": 1.72125154002293,
  "gcor": 0.0219258,
  "gsr_x": -0.019317593425512314,
  "gsr_y": 0.01332504115998745,
  "provenance": {
    "md5sum": "e4e4b05fdac1c9c340377b55a175ef2f",
    "settings": {
      "fd_thres": 0.2,
      "testing": false
    },
    "software": "mriqc",
    "version": "22.0.0rc1",
    "webapi_port": null,
    "webapi_url": "https://mriqc.nimh.nih.gov/api/v1"
  },
  "size_t": 200,
  "size_x": 80,
  "size_y": 80,
  "size_z": 37,
  "snr": 5.438638448624831,
  "spacing_tr": 2.0,
  "spacing_x": 3.0,
  "spacing_y": 3.0,
  "spacing_z": 3.299999952316284,
  "summary_bg_k": 34.1787357782466,
  "summary_bg_mad": 60.88804071976033,
  "summary_bg_mean": 619.2089233398438,
  "summary_bg_median": 59.24877166748047,
  "summary_bg_n": 158024.0,
  "summary_bg_p05": 3.3972935914993285,
  "summary_bg_p95": 3675.3548461914065,
  "summary_bg_stdv": 1810.575439453125,
  "summary_fg_k": 1.6087613255703088,
  "summary_fg_mad": 4080.630949840028,
  "summary_fg_mean": 24395.3671875,
  "summary_fg_median": 24066.541015625,
  "summary_fg_n": 36813.0,
  "summary_fg_p05": 17716.651171875,
  "summary_fg_p95": 31664.245703125,
  "summary_fg_stdv": 4425.0439453125,
  "tsnr": 81.35160827636719
}