{
  "aor": 0.0013885802469135802,
  "aqi": 0.004572677345679012,
  "bids_meta": {
    "AcquisitionNumber": 8,
    "BidsifyVersion": "0.3.5",
    "ConversionSoftware": "dcm2niix",
    "ConversionSoftwareVersion": "v1.0.20181125  GCC6.3.0",
    "EchoTime": 0.02762,
    "EffectiveEchoSpacing": 0.0006621159151938905,
    "ImageComments": "Piop",
    "ImageOrientationPatientDICOM": [
      0.999909,
      -0.00801426,
      -0.0108773,
      0.00645722,
      0.990646,
      -0.136307
    ],
    "Manufacturer": "Philips",
    "NumberOfVolumesDiscardedByScanner": 2,
    "ParallelAcquisitionTechnique": "SENSE",
    "ParallelReductionFactorInPlane": 2,
    "PatientPosition": "HFS",
    "PhaseEncodingDirection": "j",
    "PhilipsRescaleIntercept": 0,
    "PhilipsRescaleSlope": 0.74872,
    "PhilipsScaleSlope": 0.0578624,
    "ProtocolName": "WIPpiopwmSENSE",
    "PulseSequenceType": "gradient echo EPI",
    "ReconMatrixPE": 80,
    "RepetitionTime": 2,
    "SeriesDescription": "ImageMRSERIES",
    "SeriesNumber": 8,
    "SliceEncodingDirection": "k",
    "SliceTiming": [
      0.0,
      0.0541,
      0.1081,
      0.1622,
      0.2162,
      0.2703,
      0.3243,
      0.3784,
      0.4324,
      0.4865,
      0.5405,
      0.5946,
      0.6486,
      0.7027,
      0.7568,
      0.8108,
      0.8649,
      0.9189,
      0.973,
      1.027,
      1.0811,
      1.1351,
      1.1892,
      1.2432,
      1.2973,
      1.3514,
      1.4054,
      1.4595,
      1.5135,
      1.5676,
      1.6216,
      1.6757,
      1.7297,
      1.7838,
      1.8378,
      1.8919,
      1.9459
    ],
    "TaskName": "workingmemory",
    "TotalReadoutTime": 0.025822520692561732,
    "UsePhilipsFloatNotDisplayScaling": 1,
    "acq_id": "seq",
    "dataset": "ds002785",
    "modality": "bold",
    "subject_id": "0148",
    "task_id": "workingmemory"
  },
  "dummy_trs": 0,
  "dvars_nstd": 20.93562812664596,
  "dvars_std": 1.257732396149068,
  "dvars_vstd": 1.0000825814906835,
  "efc": 0.43667512386833895,
  "fber": 156120.15625,
  "fd_mean": 0.10816569192964999,
  "fd_num": 9,
  "fd_perc": 5.555555555555555,
  "fwhm_avg": 1.8348043517298798,
  "fwhm_x": 1.776,
  "fwhm_y": 2.00611,
  "fwhm_z": 1.7223030551896392,
  "gcor": 0.0227652,
  "gsr_x": -0.019347794353961945,
  "gsr_y": 0.013135558925569057,
  "provenance": {
    "md5sum": "7864ad60df01328c3a8e06bffc0bb443",
    "settings": {
      "fd_thres": 0.2,
      "testing": false
    },
    "software": "mriqc",
    "version": "22.0.0rc1",
    "webapi_port": null,
    "webapi_url": "https://mriqc.nimh.nih.gov/api/v1"
  },
  "size_t": 162,
  "size_x": 80,
  "size_y": 80,
  "size_z": 37,
  "snr": 5.4552555387432236,
  "spacing_tr": 2.0,
  "spacing_x": 3.0,
  "spacing_y": 3.0,
  "spacing_z": 3.299999952316284,
  "summary_bg_k": 33.29678607013269,
  "summary_bg_mad": 61.10922158566137,
  "summary_bg_mean": 616.7686157226562,
  "summary_bg_median": 58.696990966796875,
  "summary_bg_n": 158010.0,
  "summary_bg_p05": 3.4234312415123003,
  "summary_bg_p95": 3652.703613281248,
  "summary_bg_stdv": 1801.133056640625,
  "summary_fg_k": 1.6221084577221427,
  "summary_fg_mad": 4061.0733416685694,
  "summary_fg_mean": 24255.712890625,
  "summary_fg_median": 23946.8671875,
  "summary_fg_n": 36829.0,
  "summary_fg_p05": 17635.697265625,
  "summary_fg_p95": 31461.798828125,
  "summary_fg_stdv": 4389.6279296875,
  "tsnr": 80.4627914428711
}