{
  "aor": 0.001514181818181818,
  "aqi": 0.007226124727272728,
  "bids_meta": {
    "AcquisitionNumber": 2,
    "BidsifyVersion": "0.3.5",
    "ConversionSoftware": "dcm2niix",
    "ConversionSoftwareVersion": "v1.0.20181125  GCC6.3.0",
    "EchoTime": 0.02762,
    "EffectiveEchoSpacing": 0.0006333282667071997,
    "ImageComments": "Piop",
    "ImageOrientationPatientDICOM": [
      0.999909,
      -0.00801426,
      -0.0108773,
      0.00645722,
      0.990646,
      -0.136307
    ],
    "Manufacturer": "Philips",
    "NumberOfVolumesDiscardedByScanner": 2,
    "ParallelAcquisitionTechnique": "SENSE",
    "ParallelReductionFactorInPlane": 2,
    "PatientPosition": "HFS",
    "PhaseEncodingDirection": "j",
    "PhilipsRescaleIntercept": 0,
    "PhilipsRescaleSlope": 0.81636,
    "PhilipsScaleSlope": 0.0878371,
    "ProtocolName": "WIPpiopfacesSENSE",
    "PulseSequenceType": "gradient echo EPI",
    "ReconMatrixPE": 80,
    "RepetitionTime": 0.75,
    "SeriesDescription": "ImageMRSERIES",
    "SeriesNumber": 2,
    "SliceEncodingDirection": "k",
    "SliceTiming": [
      0.0,
      0.06755050505050506,
      0.1351010101010101,
      0.20265151515151517,
      0.2702020202020202,
      0.3377525252525253,
      0.40530303030303033,
      0.47285353535353536,
      0.5404040404040404,
      0.6079545454545455,
      0.6755050505050506,
      0.7430555555555556,
      0.0,
      0.06755050505050506,
      0.1351010101010101,
      0.20265151515151517,
      0.2702020202020202,
      0.3377525252525253,
      0.40530303030303033,
      0.47285353535353536,
      0.5404040404040404,
      0.6079545454545455,
      0.6755050505050506,
      0.7430555555555556,
      0.0,
      0.06755050505050506,
      0.1351010101010101,
      0.20265151515151517,
      0.2702020202020202,
      0.3377525252525253,
      0.40530303030303033,
      0.47285353535353536,
      0.5404040404040404,
      0.6079545454545455,
      0.6755050505050506,
      0.7430555555555556
    ],
    "TaskName": "faces",
    "TotalReadoutTime": 0.024699802401580786,
    "UsePhilipsFloatNotDisplayScaling": 1,
    "acq_id": "mb3",
    "dataset": "ds002785",
    "modality": "bold",
    "subject_id": "0148",
    "task_id": "faces"
  },
  "dummy_trs": 0,
  "dvars_nstd": 27.11029546674772,
  "dvars_std": 1.2672121377203647,
  "dvars_vstd": 1.0240630783282674,
  "efc": 0.44244520238722473,
  "fber": 167156.40625,
  "fd_mean": 0.08773323038696451,
  "fd_num": 7,
  "fd_perc": 2.121212121212121,
  "fwhm_avg": 2.0543500534626014,
  "fwhm_x": 2.06565,
  "fwhm_y": 2.2474333333333334,
  "fwhm_z": 1.8499668270544711,
  "gcor": 0.0144041,
  "gsr_x": -0.021040743216872215,
  "gsr_y": 0.012602994218468666,
  "provenance": {
    "md5sum": "84e32c3d75352cb8eb5574925d06f541",
    "settings": {
      "fd_thres": 0.2,
      "testing": false
    },
    "software": "mriqc",
    "version": "22.0.0rc1",
    "webapi_port": null,
    "webapi_url": "https://mriqc.nimh.nih.gov/api/v1"
  },
  "size_t": 330,
  "size_x": 80,
  "size_y": 80,
  "size_z": 36,
  "snr": 6.378218866697433,
  "spacing_tr": 0.75,
  "spacing_x": 3.0,
  "spacing_y": 3.0,
  "spacing_z": 3.299999713897705,
  "summary_bg_k": 28.687247732126902,
  "summary_bg_mad": 48.51477041466495,
  "summary_bg_mean": 460.7562255859375,
  "summary_bg_median": 43.48664474487305,
  "summary_bg_n": 153293.0,
  "summary_bg_p05": 2.70877628326416,
  "summary_bg_p95": 2667.720214843748,
  "summary_bg_stdv": 1260.6805419921875,
  "summary_fg_k": 0.9833568266778978,
  "summary_fg_mad": 2652.738056265639,
  "summary_fg_mean": 18133.0078125,
  "summary_fg_median": 18107.548828125,
  "summary_fg_n": 36062.0,
  "summary_fg_p05": 13450.081396484375,
  "summary_fg_p95": 22671.654882812498,
  "summary_fg_stdv": 2838.927001953125,
  "tsnr": 62.480674743652344
}