{
  "aor": 0.0037813333333333336,
  "aqi": 0.003712837407407407,
  "bids_meta": {
    "AcquisitionNumber": 5,
    "BidsifyVersion": "0.3.5",
    "ConversionSoftware": "dcm2niix",
    "ConversionSoftwareVersion": "v1.0.20181125  GCC6.3.0",
    "EchoTime": 0.02762,
    "EffectiveEchoSpacing": 0.0006621159151938905,
    "ImageComments": "Piop",
    "ImageOrientationPatientDICOM": [
      0.999909,
      -0.00801426,
      -0.0108773,
      0.00645722,
      0.990646,
      -0.136307
    ],
    "Manufacturer": "Philips",
    "NumberOfVolumesDiscardedByScanner": 2,
    "ParallelAcquisitionTechnique": "SENSE",
    "ParallelReductionFactorInPlane": 2,
    "PatientPosition": "HFS",
    "PhaseEncodingDirection": "j",
    "PhilipsRescaleIntercept": 0,
    "PhilipsRescaleSlope": 0.79121,
    "PhilipsScaleSlope": 0.0558334,
    "ProtocolName": "WIPpiopharririSENSE",
    "PulseSequenceType": "gradient echo EPI",
    "ReconMatrixPE": 80,
    "RepetitionTime": 2,
    "SeriesDescription": "ImageMRSERIES",
    "SeriesNumber": 5,
    "SliceEncodingDirection": "k",
    "SliceTiming": [
      0.0,
      0.0541,
      0.1081,
      0.1622,
      0.2162,
      0.2703,
      0.3243,
      0.3784,
      0.4324,
      0.4865,
      0.5405,
      0.5946,
      0.6486,
      0.7027,
      0.7568,
      0.8108,
      0.8649,
      0.9189,
      0.973,
      1.027,
      1.0811,
      1.1351,
      1.1892,
      1.2432,
      1.2973,
      1.3514,
      1.4054,
      1.4595,
      1.5135,
      1.5676,
      1.6216,
      1.6757,
      1.7297,
      1.7838,
      1.8378,
      1.8919,
      1.9459
    ],
    "TaskName": "emomatching",
    "TotalReadoutTime": 0.025822520692561732,
    "UsePhilipsFloatNotDisplayScaling": 1,
    "acq_id": "seq",
    "dataset": "ds002785",
    "modality": "bold",
    "subject_id": "0148",
    "task_id": "emomatching"
  },
  "dummy_trs": 0,
  "dvars_nstd": 19.41967798350746,
  "dvars_std": 1.2328038825373135,
  "dvars_vstd": 1.00794731119403,
  "efc": 0.43596231469113716,
  "fber": 157720.078125,
  "fd_mean": 0.09598980598495493,
  "fd_num": 4,
  "fd_perc": 2.962962962962963,
  "fwhm_avg": 1.8356448567729264,
  "fwhm_x": 1.7800099999999999,
  "fwhm_y": 2.00617,
  "fwhm_z": 1.7207545703187794,
  "gcor": 0.016014,
  "gsr_x": -0.019235994666814804,
  "gsr_y": 0.01416884083300829,
  "provenance": {
    "md5sum": "d90df4b8727878ce0e5973d757e6fbf7",
    "settings": {
      "fd_thres": 0.2,
      "testing": false
    },
    "software": "mriqc",
    "version": "22.0.0rc1",
    "webapi_port": null,
    "webapi_url": "https://mriqc.nimh.nih.gov/api/v1"
  },
  "size_t": 135,
  "size_x": 80,
  "size_y": 80,
  "size_z": 37,
  "snr": 5.369348679799664,
  "spacing_tr": 2.0,
  "spacing_x": 3.0,
  "spacing_y": 3.0,
  "spacing_z": 3.299999952316284,
  "summary_bg_k": 35.27499049660463,
  "summary_bg_mad": 62.1264731526579,
  "summary_bg_mean": 620.1795043945312,
  "summary_bg_median": 59.602256774902344,
  "summary_bg_n": 157940.0,
  "summary_bg_p05": 3.119338583946228,
  "summary_bg_p95": 3665.1885253906216,
  "summary_bg_stdv": 1822.9193115234375,
  "summary_fg_k": 1.5198840455330878,
  "summary_fg_mad": 4204.3992780106655,
  "summary_fg_mean": 24768.8203125,
  "summary_fg_median": 24414.494140625,
  "summary_fg_n": 36937.0,
  "summary_fg_p05": 17889.61015625,
  "summary_fg_p95": 32265.689062499998,
  "summary_fg_stdv": 4546.95068359375,
  "tsnr": 86.84671020507812
}