{
  "aor": 0.0018803673469387754,
  "aqi": 0.00795912506122449,
  "bids_meta": {
    "AcquisitionNumber": 3,
    "BidsifyVersion": "0.3.5",
    "ConversionSoftware": "dcm2niix",
    "ConversionSoftwareVersion": "v1.0.20181125  GCC6.3.0",
    "EchoTime": 0.02762,
    "EffectiveEchoSpacing": 0.0006621159151938905,
    "ImageComments": "Piop",
    "ImageOrientationPatientDICOM": [
      0.999909,
      -0.00801426,
      -0.0108773,
      0.00645722,
      0.990646,
      -0.136307
    ],
    "Manufacturer": "Philips",
    "NumberOfVolumesDiscardedByScanner": 2,
    "ParallelAcquisitionTechnique": "SENSE",
    "ParallelReductionFactorInPlane": 2,
    "PatientPosition": "HFS",
    "PhaseEncodingDirection": "j",
    "PhilipsRescaleIntercept": 0,
    "PhilipsRescaleSlope": 0.79805,
    "PhilipsScaleSlope": 0.0548371,
    "ProtocolName": "WIPpiopgstroopSENSE",
    "PulseSequenceType": "gradient echo EPI",
    "ReconMatrixPE": 80,
    "RepetitionTime": 2,
    "SeriesDescription": "ImageMRSERIES",
    "SeriesNumber": 3,
    "SliceEncodingDirection": "k",
    "SliceTiming": [
      0.0,
      0.0541,
      0.1081,
      0.1622,
      0.2162,
      0.2703,
      0.3243,
      0.3784,
      0.4324,
      0.4865,
      0.5405,
      0.5946,
      0.6486,
      0.7027,
      0.7568,
      0.8108,
      0.8649,
      0.9189,
      0.973,
      1.027,
      1.0811,
      1.1351,
      1.1892,
      1.2432,
      1.2973,
      1.3514,
      1.4054,
      1.4595,
      1.5135,
      1.5676,
      1.6216,
      1.6757,
      1.7297,
      1.7838,
      1.8378,
      1.8919,
      1.9459
    ],
    "TaskName": "gstroop",
    "TotalReadoutTime": 0.025822520692561732,
    "UsePhilipsFloatNotDisplayScaling": 1,
    "acq_id": "seq",
    "dataset": "ds002785",
    "modality": "bold",
    "subject_id": "0148",
    "task_id": "gstroop"
  },
  "dummy_trs": 0,
  "dvars_nstd": 21.004041241721303,
  "dvars_std": 1.2068526035655733,
  "dvars_vstd": 0.9658164182786888,
  "efc": 0.43578603814111594,
  "fber": 156954.265625,
  "fd_mean": 0.10605546169405534,
  "fd_num": 9,
  "fd_perc": 3.673469387755102,
  "fwhm_avg": 1.7998451595901344,
  "fwhm_x": 1.7488866666666667,
  "fwhm_y": 1.9741366666666667,
  "fwhm_z": 1.6765121454370693,
  "gcor": 0.0115253,
  "gsr_x": -0.01916246861219406,
  "gsr_y": 0.014710935764014721,
  "provenance": {
    "md5sum": "20803af9ab5c0df0a317444738ce9447",
    "settings": {
      "fd_thres": 0.2,
      "testing": false
    },
    "software": "mriqc",
    "version": "22.0.0rc1",
    "webapi_port": null,
    "webapi_url": "https://mriqc.nimh.nih.gov/api/v1"
  },
  "size_t": 245,
  "size_x": 80,
  "size_y": 80,
  "size_z": 37,
  "snr": 5.544586174623057,
  "spacing_tr": 2.0,
  "spacing_x": 3.0,
  "spacing_y": 3.0,
  "spacing_z": 3.299999952316284,
  "summary_bg_k": 36.823020069570696,
  "summary_bg_mad": 63.45959012932191,
  "summary_bg_mean": 616.5928344726562,
  "summary_bg_median": 59.717041015625,
  "summary_bg_n": 158090.0,
  "summary_bg_p05": 4.28140082359314,
  "summary_bg_p95": 3622.8556396484314,
  "summary_bg_stdv": 1807.822021484375,
  "summary_fg_k": 1.7360739389636475,
  "summary_fg_mad": 4080.1676366467445,
  "summary_fg_mean": 24776.771484375,
  "summary_fg_median": 24453.73046875,
  "summary_fg_n": 36812.0,
  "summary_fg_p05": 18140.3572265625,
  "summary_fg_p95": 31991.925585937497,
  "summary_fg_stdv": 4410.31982421875,
  "tsnr": 66.80388641357422
}