{
  "bids_meta": {
    "AcquisitionNumber": 4,
    "BidsifyVersion": "0.3.5",
    "ConversionSoftware": "dcm2niix",
    "ConversionSoftwareVersion": "v1.0.20181125  GCC6.3.0",
    "EchoTime": 0.00377,
    "ImageComments": "Piop",
    "ImageOrientationPatientDICOM": [
      0.99883,
      0.0153377,
      0.0458527,
      -0.0101114,
      0.993644,
      -0.112112
    ],
    "Manufacturer": "Philips",
    "PatientPosition": "HFS",
    "PhilipsRescaleIntercept": 0,
    "PhilipsRescaleSlope": 8.46276,
    "PhilipsScaleSlope": 0.00732938,
    "ProtocolName": "WIPt13dSENSE",
    "ReconMatrixPE": 240,
    "RepetitionTime": 0.008244,
    "SeriesDescription": "ImageMRSERIES",
    "SeriesNumber": 4,
    "UsePhilipsFloatNotDisplayScaling": 1,
    "dataset": "ds002785",
    "modality": "T1w",
    "subject_id": "0046"
  },
  "cjv": 0.29235025808047266,
  "cnr": 4.333925798794793,
  "efc": 0.7519232047322421,
  "fber": 738.9257202148438,
  "fwhm_avg": 3.557656383683715,
  "fwhm_x": 3.55147,
  "fwhm_y": 3.7850195487905083,
  "fwhm_z": 3.336479602260637,
  "icvs_csf": 0.1974289314995804,
  "icvs_gm": 0.42561706324601956,
  "icvs_wm": 0.37695400525440004,
  "inu_med": 1.5107462406158447,
  "inu_range": 0.3077264964580537,
  "provenance": {
    "md5sum": "1f6697bc4b16fb9346eeafe0039b924e",
    "settings": {
      "testing": false
    },
    "software": "mriqc",
    "version": "22.0.0rc1",
    "warnings": {
      "large_rot_frame": true,
      "small_air_mask": true
    },
    "webapi_port": null,
    "webapi_url": "https://mriqc.nimh.nih.gov/api/v1"
  },
  "qi_1": 0.0,
  "qi_2": 8.11832233614937e-05,
  "rpve_csf": 28.1445912726246,
  "rpve_gm": 14.284470346324554,
  "rpve_wm": 20.850572240622302,
  "size_x": 240,
  "size_y": 240,
  "size_z": 220,
  "snr_csf": 1.9313666279169648,
  "snr_gm": 7.375100521677361,
  "snr_total": 10.142243397530832,
  "snr_wm": 21.12026304299817,
  "snrd_csf": 17.722437627475287,
  "snrd_gm": 44.93970630086176,
  "snrd_total": 46.200450920582206,
  "snrd_wm": 75.93920883340958,
  "spacing_x": 1.0,
  "spacing_y": 1.0000001192092896,
  "spacing_z": 1.0000001192092896,
  "summary_bg_k": 338.3311700353223,
  "summary_bg_mad": 8.62689187101742,
  "summary_bg_mean": 13.414449691772461,
  "summary_bg_median": 11.58125114440918,
  "summary_bg_n": 199382.0,
  "summary_bg_p05": 0.0,
  "summary_bg_p95": 34.85597095489502,
  "summary_bg_stdv": 13.846535682678223,
  "summary_csf_k": 6.636121093718145,
  "summary_csf_mad": 143.21180474736417,
  "summary_csf_mean": 239.6022186279297,
  "summary_csf_median": 233.37057495117188,
  "summary_csf_n": 4784.0,
  "summary_csf_p05": 76.5520004272461,
  "summary_csf_p95": 413.8340866088867,
  "summary_csf_stdv": 120.81920623779297,
  "summary_gm_k": 0.26212363604129063,
  "summary_gm_mad": 76.82524539640201,
  "summary_gm_mean": 593.0366821289062,
  "summary_gm_median": 591.7698974609375,
  "summary_gm_n": 20776.0,
  "summary_gm_p05": 462.72606658935547,
  "summary_gm_p95": 727.1111145019531,
  "summary_gm_stdv": 80.2369613647461,
  "summary_wm_k": 1.0913348207559501,
  "summary_wm_mad": 42.513329044902335,
  "summary_wm_mean": 997.7001342773438,
  "summary_wm_median": 999.9739990234375,
  "summary_wm_n": 207541.0,
  "summary_wm_p05": 916.1929931640625,
  "summary_wm_p95": 1070.3184814453125,
  "summary_wm_stdv": 47.34654998779297,
  "tpm_overlap_csf": 0.16583898663520813,
  "tpm_overlap_gm": 0.43973541259765625,
  "tpm_overlap_wm": 0.5122779607772827,
  "wm2max": 0.7057894568775337
}