{
  "bids_meta": {
    "AcquisitionNumber": 4,
    "BidsifyVersion": "0.3.5",
    "ConversionSoftware": "dcm2niix",
    "ConversionSoftwareVersion": "v1.0.20181125  GCC6.3.0",
    "EchoTime": 0.0038,
    "ImageComments": "piop",
    "ImageOrientationPatientDICOM": [
      0.998012,
      0.0553605,
      -0.0301262,
      -0.0582441,
      0.992743,
      -0.105208
    ],
    "Manufacturer": "Philips",
    "PatientPosition": "HFS",
    "PhilipsRescaleIntercept": 0,
    "PhilipsRescaleSlope": 9.14725,
    "PhilipsScaleSlope": 0.00724515,
    "ProtocolName": "WIPt13dSENSE",
    "ReconMatrixPE": 240,
    "RepetitionTime": 0.008255,
    "SeriesDescription": "ImageMRSERIES",
    "SeriesNumber": 4,
    "UsePhilipsFloatNotDisplayScaling": 1,
    "dataset": "ds002785",
    "modality": "T1w",
    "subject_id": "0201"
  },
  "cjv": 0.301410942371715,
  "cnr": 4.455036441840829,
  "efc": 0.7541200642681284,
  "fber": -1.0,
  "fwhm_avg": 4.111013333333333,
  "fwhm_x": 4.00301,
  "fwhm_y": 4.34479,
  "fwhm_z": 3.98524,
  "icvs_csf": 0.21521888407430037,
  "icvs_gm": 0.4418492909372993,
  "icvs_wm": 0.34293182498840036,
  "inu_med": 0.574636310338974,
  "inu_range": 0.185861274600029,
  "provenance": {
    "md5sum": "a7119fc8d4bcc3251eec28fda0a767c6",
    "settings": {
      "testing": false
    },
    "software": "mriqc",
    "version": "23.0.1",
    "warnings": {
      "large_rot_frame": true,
      "small_air_mask": true
    },
    "webapi_port": null,
    "webapi_url": "https://mriqc.nimh.nih.gov/api/v1"
  },
  "qi_1": 0.0,
  "qi_2": 0.000289855073006263,
  "rpve_csf": 25.74365659347968,
  "rpve_gm": 13.41848974061626,
  "rpve_wm": 20.297155495702153,
  "size_x": 240,
  "size_y": 240,
  "size_z": 220,
  "snr_csf": 1.4669225250176292,
  "snr_gm": 7.906942522373325,
  "snr_total": 10.565835763580738,
  "snr_wm": 22.32364224335126,
  "snrd_csf": 16.69985654820228,
  "snrd_gm": 62.413841667678646,
  "snrd_total": 60.797525208043226,
  "snrd_wm": 103.27887740824875,
  "spacing_x": 1.0,
  "spacing_y": 1.0,
  "spacing_z": 1.0,
  "summary_bg_k": 263.4261966563924,
  "summary_bg_mad": 0.0,
  "summary_bg_mean": 1.8039403528548854,
  "summary_bg_median": 0.0,
  "summary_bg_n": 144344.0,
  "summary_bg_p05": 0.0,
  "summary_bg_p95": 15.340342245995998,
  "summary_bg_stdv": 6.343372439335579,
  "summary_csf_k": 0.9675113857565614,
  "summary_csf_mad": 104.31160563003583,
  "summary_csf_mean": 184.83279023472375,
  "summary_csf_median": 161.69672417640686,
  "summary_csf_n": 23917.0,
  "summary_csf_p05": 39.445299530029295,
  "summary_csf_p95": 388.32592211961753,
  "summary_csf_stdv": 110.22623281820624,
  "summary_gm_k": -0.08686157487604662,
  "summary_gm_mad": 76.83112466212302,
  "summary_gm_mean": 605.7010256594652,
  "summary_gm_median": 604.3233791738749,
  "summary_gm_n": 45661.0,
  "summary_gm_p05": 481.30607037991285,
  "summary_gm_p95": 734.1611355543137,
  "summary_gm_stdv": 76.42862711183197,
  "summary_wm_k": 0.5911344425314389,
  "summary_wm_mad": 42.430131372217474,
  "summary_wm_mean": 998.7420144748859,
  "summary_wm_median": 999.9999763667583,
  "summary_wm_n": 201276.0,
  "summary_wm_p05": 923.456880196929,
  "summary_wm_p95": 1069.2920983582735,
  "summary_wm_stdv": 44.79544517474289,
  "tpm_overlap_csf": 0.16065692917019408,
  "tpm_overlap_gm": 0.48426880436831143,
  "tpm_overlap_wm": 0.5246398335859113,
  "wm2max": 0.7627112785593309
}