{
  "aor": 0.002730693877551021,
  "aqi": 0.006690480448979593,
  "bids_meta": {
    "AcquisitionNumber": 3,
    "BidsifyVersion": "0.3.5",
    "ConversionSoftware": "dcm2niix",
    "ConversionSoftwareVersion": "v1.0.20181125  GCC6.3.0",
    "EchoTime": 0.02762,
    "EffectiveEchoSpacing": 0.0006621159151938905,
    "ImageComments": "piop",
    "ImageOrientationPatientDICOM": [
      0.998152,
      0.0588326,
      -0.0151964,
      -0.0600005,
      0.993806,
      -0.0935388
    ],
    "Manufacturer": "Philips",
    "NumberOfVolumesDiscardedByScanner": 2,
    "ParallelAcquisitionTechnique": "SENSE",
    "ParallelReductionFactorInPlane": 2,
    "PatientPosition": "HFS",
    "PhaseEncodingDirection": "j",
    "PhilipsRescaleIntercept": 0,
    "PhilipsRescaleSlope": 0.81538,
    "PhilipsScaleSlope": 0.0554902,
    "ProtocolName": "WIPpiopgstroopSENSE",
    "PulseSequenceType": "gradient echo EPI",
    "ReconMatrixPE": 80,
    "RepetitionTime": 2,
    "SeriesDescription": "ImageMRSERIES",
    "SeriesNumber": 3,
    "SliceEncodingDirection": "k",
    "SliceTiming": [
      0.0,
      0.0541,
      0.1081,
      0.1622,
      0.2162,
      0.2703,
      0.3243,
      0.3784,
      0.4324,
      0.4865,
      0.5405,
      0.5946,
      0.6486,
      0.7027,
      0.7568,
      0.8108,
      0.8649,
      0.9189,
      0.973,
      1.027,
      1.0811,
      1.1351,
      1.1892,
      1.2432,
      1.2973,
      1.3514,
      1.4054,
      1.4595,
      1.5135,
      1.5676,
      1.6216,
      1.6757,
      1.7297,
      1.7838,
      1.8378,
      1.8919,
      1.9459
    ],
    "TaskName": "gstroop",
    "TotalReadoutTime": 0.025822520692561732,
    "UsePhilipsFloatNotDisplayScaling": 1,
    "acq_id": "seq",
    "dataset": "ds002785",
    "modality": "bold",
    "subject_id": "0058",
    "task_id": "gstroop"
  },
  "dummy_trs": 0,
  "dvars_nstd": 18.772292583032794,
  "dvars_std": 1.0797589059016384,
  "dvars_vstd": 0.9768142406147532,
  "efc": 0.4548180674975946,
  "fber": 121245.796875,
  "fd_mean": 0.12228980590348584,
  "fd_num": 29,
  "fd_perc": 11.83673469387755,
  "fwhm_avg": 1.8685594025302568,
  "fwhm_x": 1.83629,
  "fwhm_y": 1.9857699999999998,
  "fwhm_z": 1.7836182075907707,
  "gcor": 0.0219078,
  "gsr_x": -0.01654519885778427,
  "gsr_y": 0.024046137928962708,
  "provenance": {
    "md5sum": "2843ad0fc6bfb4a2da66a51a5be6bcba",
    "settings": {
      "fd_thres": 0.2,
      "testing": false
    },
    "software": "mriqc",
    "version": "22.0.0rc1",
    "webapi_port": null,
    "webapi_url": "https://mriqc.nimh.nih.gov/api/v1"
  },
  "size_t": 245,
  "size_x": 80,
  "size_y": 80,
  "size_z": 37,
  "snr": 5.311343765268268,
  "spacing_tr": 2.0,
  "spacing_x": 3.0,
  "spacing_y": 3.0,
  "spacing_z": 3.299999952316284,
  "summary_bg_k": 77.9907269426298,
  "summary_bg_mad": 72.47521976870101,
  "summary_bg_mean": 633.8035888671875,
  "summary_bg_median": 66.8516845703125,
  "summary_bg_n": 154204.0,
  "summary_bg_p05": 6.0328886985778825,
  "summary_bg_p95": 3421.7590087890653,
  "summary_bg_stdv": 1672.3555908203125,
  "summary_fg_k": 1.6098608900988491,
  "summary_fg_mad": 4288.9047087580275,
  "summary_fg_mean": 24599.517578125,
  "summary_fg_median": 24085.203125,
  "summary_fg_n": 40468.0,
  "summary_fg_p05": 18275.7017578125,
  "summary_fg_p95": 32379.841699218752,
  "summary_fg_stdv": 4534.6162109375,
  "tsnr": 67.45849609375
}