{
  "bids_meta": {
    "AcquisitionNumber": 5,
    "BidsifyVersion": "0.3.5",
    "ConversionSoftware": "dcm2niix",
    "ConversionSoftwareVersion": "v1.0.20181125  GCC6.3.0",
    "EchoTime": 0.00372,
    "ImageComments": "piop",
    "ImageOrientationPatientDICOM": [
      0.999436,
      -0.0096739,
      0.0321397,
      0.0085475,
      0.999351,
      0.0350012
    ],
    "Manufacturer": "Philips",
    "PatientPosition": "HFS",
    "PhilipsRescaleIntercept": 0,
    "PhilipsRescaleSlope": 8.91062,
    "PhilipsScaleSlope": 0.00705785,
    "ProtocolName": "WIPt13dSENSE",
    "ReconMatrixPE": 240,
    "RepetitionTime": 0.008132,
    "SeriesDescription": "ImageMRSERIES",
    "SeriesNumber": 5,
    "UsePhilipsFloatNotDisplayScaling": 1,
    "dataset": "ds002785",
    "modality": "T1w",
    "subject_id": "0150"
  },
  "cjv": 0.32553227635730375,
  "cnr": 3.892013401424716,
  "efc": 0.7594378938660067,
  "fber": 753.01318359375,
  "fwhm_avg": 3.5198800752526567,
  "fwhm_x": 3.48037,
  "fwhm_y": 3.78759022575797,
  "fwhm_z": 3.29168,
  "icvs_csf": 0.1998957764141865,
  "icvs_gm": 0.4172467018765742,
  "icvs_wm": 0.3828575217092393,
  "inu_med": 1.6693719625473022,
  "inu_range": 0.40057815313339207,
  "provenance": {
    "md5sum": "9842a2db1c49077ced887cb1309b6e55",
    "settings": {
      "testing": false
    },
    "software": "mriqc",
    "version": "22.0.0rc1",
    "warnings": {
      "large_rot_frame": true,
      "small_air_mask": true
    },
    "webapi_port": null,
    "webapi_url": "https://mriqc.nimh.nih.gov/api/v1"
  },
  "qi_1": 0.0,
  "qi_2": 3.51457573136298e-05,
  "rpve_csf": 28.140823114396103,
  "rpve_gm": 14.47832549754731,
  "rpve_wm": 20.501881912817176,
  "size_x": 240,
  "size_y": 240,
  "size_z": 220,
  "snr_csf": 2.466731750780019,
  "snr_gm": 7.4059638821406,
  "snr_total": 10.120338785912855,
  "snr_wm": 20.48832072481795,
  "snrd_csf": 22.42391197997475,
  "snrd_gm": 44.8468175753932,
  "snrd_total": 46.52912619423049,
  "snrd_wm": 72.31664902732354,
  "spacing_x": 1.0,
  "spacing_y": 0.9999999403953552,
  "spacing_z": 1.0,
  "summary_bg_k": 7.064452260340511,
  "summary_bg_mad": 9.05905005161306,
  "summary_bg_mean": 13.837060928344727,
  "summary_bg_median": 12.157270431518555,
  "summary_bg_n": 162160.0,
  "summary_bg_p05": 0.0,
  "summary_bg_p95": 36.30619773864746,
  "summary_bg_stdv": 11.485233306884766,
  "summary_csf_k": 2.9488494378365386,
  "summary_csf_mad": 138.6224703898367,
  "summary_csf_mean": 289.8178405761719,
  "summary_csf_median": 310.07183837890625,
  "summary_csf_n": 5446.0,
  "summary_csf_p05": 93.87112426757812,
  "summary_csf_p95": 459.1794128417969,
  "summary_csf_stdv": 125.68994140625,
  "summary_gm_k": 0.10800460723569838,
  "summary_gm_mad": 79.95636482167188,
  "summary_gm_mean": 622.2416381835938,
  "summary_gm_median": 620.1297607421875,
  "summary_gm_n": 18398.0,
  "summary_gm_p05": 486.11688232421875,
  "summary_gm_p95": 765.7386627197266,
  "summary_gm_stdv": 83.73155975341797,
  "summary_wm_k": 1.090805853033749,
  "summary_wm_mad": 43.69559210549655,
  "summary_wm_mean": 998.35986328125,
  "summary_wm_median": 999.9752197265625,
  "summary_wm_n": 216121.0,
  "summary_wm_p05": 916.1783447265625,
  "summary_wm_p95": 1075.1708984375,
  "summary_wm_stdv": 48.80697250366211,
  "tpm_overlap_csf": 0.16478748619556427,
  "tpm_overlap_gm": 0.4383290708065033,
  "tpm_overlap_wm": 0.5085505843162537,
  "wm2max": 0.6525730896084734
}