{
  "aor": 0.0005103781512605043,
  "aqi": 0.009817418928571428,
  "bids_meta": {
    "AcquisitionNumber": 7,
    "BidsifyVersion": "0.3.5",
    "ConversionSoftware": "dcm2niix",
    "ConversionSoftwareVersion": "v1.0.20181125  GCC6.3.0",
    "EchoTime": 0.02762,
    "EffectiveEchoSpacing": 0.0006333282667071997,
    "ImageComments": "PIOP",
    "ImageOrientationPatientDICOM": [
      0.999895,
      -0.00211531,
      0.0143262,
      0.00314127,
      0.997401,
      -0.071975
    ],
    "Manufacturer": "Philips",
    "NumberOfVolumesDiscardedByScanner": 2,
    "ParallelAcquisitionTechnique": "SENSE",
    "ParallelReductionFactorInPlane": 2,
    "PatientPosition": "HFS",
    "PhaseEncodingDirection": "j",
    "PhilipsRescaleIntercept": 0,
    "PhilipsRescaleSlope": 0.76239,
    "PhilipsScaleSlope": 0.092941,
    "ProtocolName": "WIPpioprsSENSE",
    "PulseSequenceType": "gradient echo EPI",
    "ReconMatrixPE": 80,
    "RepetitionTime": 0.75,
    "SeriesDescription": "ImageMRSERIES",
    "SeriesNumber": 7,
    "SliceEncodingDirection": "k",
    "SliceTiming": [
      0.0,
      0.06755050505050506,
      0.1351010101010101,
      0.20265151515151517,
      0.2702020202020202,
      0.3377525252525253,
      0.40530303030303033,
      0.47285353535353536,
      0.5404040404040404,
      0.6079545454545455,
      0.6755050505050506,
      0.7430555555555556,
      0.0,
      0.06755050505050506,
      0.1351010101010101,
      0.20265151515151517,
      0.2702020202020202,
      0.3377525252525253,
      0.40530303030303033,
      0.47285353535353536,
      0.5404040404040404,
      0.6079545454545455,
      0.6755050505050506,
      0.7430555555555556,
      0.0,
      0.06755050505050506,
      0.1351010101010101,
      0.20265151515151517,
      0.2702020202020202,
      0.3377525252525253,
      0.40530303030303033,
      0.47285353535353536,
      0.5404040404040404,
      0.6079545454545455,
      0.6755050505050506,
      0.7430555555555556
    ],
    "TaskName": "restingstate",
    "TotalReadoutTime": 0.024699802401580786,
    "UsePhilipsFloatNotDisplayScaling": 1,
    "acq_id": "mb3",
    "dataset": "ds002785",
    "modality": "bold",
    "subject_id": "0032",
    "task_id": "restingstate"
  },
  "dummy_trs": 4,
  "dvars_nstd": 29.834774306357904,
  "dvars_std": 1.1153970045052624,
  "dvars_vstd": 1.0036456192631573,
  "efc": 0.4479315375778025,
  "fber": 176971.765625,
  "fd_mean": 0.0788042882144235,
  "fd_num": 0,
  "fd_perc": 0.0,
  "fwhm_avg": 1.8537398064405561,
  "fwhm_x": 1.7784333333333333,
  "fwhm_y": 2.02618,
  "fwhm_z": 1.756606085988335,
  "gcor": 0.0242952,
  "gsr_x": -0.025235487148165703,
  "gsr_y": 0.02375045418739319,
  "provenance": {
    "md5sum": "0362db8b11c67d764d8c2f89f3f3c2b7",
    "settings": {
      "fd_thres": 0.2,
      "testing": false
    },
    "software": "mriqc",
    "version": "22.0.0rc1",
    "webapi_port": null,
    "webapi_url": "https://mriqc.nimh.nih.gov/api/v1"
  },
  "size_t": 476,
  "size_x": 80,
  "size_y": 80,
  "size_z": 36,
  "snr": 6.273934379336905,
  "spacing_tr": 0.75,
  "spacing_x": 3.0,
  "spacing_y": 3.0,
  "spacing_z": 3.299999952316284,
  "summary_bg_k": 37.34536897468644,
  "summary_bg_mad": 48.19576468943874,
  "summary_bg_mean": 495.82421875,
  "summary_bg_median": 39.33622360229492,
  "summary_bg_n": 153007.0,
  "summary_bg_p05": 1.3090593814849854,
  "summary_bg_p95": 2872.0041992187466,
  "summary_bg_stdv": 1341.3568115234375,
  "summary_fg_k": 0.76805005601571,
  "summary_fg_mad": 2676.3322806335755,
  "summary_fg_mean": 17061.65625,
  "summary_fg_median": 16949.388671875,
  "summary_fg_n": 36952.0,
  "summary_fg_p05": 12938.214794921874,
  "summary_fg_p95": 21512.9240234375,
  "summary_fg_stdv": 2701.52001953125,
  "tsnr": 50.28764343261719
}