{
  "aor": 0.0005305471124620061,
  "aqi": 0.005708364984802431,
  "bids_meta": {
    "AcquisitionNumber": 2,
    "BidsifyVersion": "0.3.5",
    "ConversionSoftware": "dcm2niix",
    "ConversionSoftwareVersion": "v1.0.20181125  GCC6.3.0",
    "EchoTime": 0.02763,
    "EffectiveEchoSpacing": 0.0006333282667071997,
    "ImageComments": "piop",
    "ImageOrientationPatientDICOM": [
      0.996592,
      -0.082164,
      -0.00728955,
      0.0824602,
      0.994617,
      0.0627515
    ],
    "Manufacturer": "Philips",
    "NumberOfVolumesDiscardedByScanner": 2,
    "ParallelAcquisitionTechnique": "SENSE",
    "ParallelReductionFactorInPlane": 2,
    "PatientPosition": "HFS",
    "PhaseEncodingDirection": "j",
    "PhilipsRescaleIntercept": 0,
    "PhilipsRescaleSlope": 0.82247,
    "PhilipsScaleSlope": 0.0742505,
    "ProtocolName": "WIPpiopfacesSENSE",
    "PulseSequenceType": "gradient echo EPI",
    "ReconMatrixPE": 80,
    "RepetitionTime": 0.75,
    "SeriesDescription": "ImageMRSERIES",
    "SeriesNumber": 2,
    "SliceEncodingDirection": "k",
    "SliceTiming": [
      0.0,
      0.06755050505050506,
      0.1351010101010101,
      0.20265151515151517,
      0.2702020202020202,
      0.3377525252525253,
      0.40530303030303033,
      0.47285353535353536,
      0.5404040404040404,
      0.6079545454545455,
      0.6755050505050506,
      0.7430555555555556,
      0.0,
      0.06755050505050506,
      0.1351010101010101,
      0.20265151515151517,
      0.2702020202020202,
      0.3377525252525253,
      0.40530303030303033,
      0.47285353535353536,
      0.5404040404040404,
      0.6079545454545455,
      0.6755050505050506,
      0.7430555555555556,
      0.0,
      0.06755050505050506,
      0.1351010101010101,
      0.20265151515151517,
      0.2702020202020202,
      0.3377525252525253,
      0.40530303030303033,
      0.47285353535353536,
      0.5404040404040404,
      0.6079545454545455,
      0.6755050505050506,
      0.7430555555555556
    ],
    "TaskName": "faces",
    "TotalReadoutTime": 0.024699802401580786,
    "UsePhilipsFloatNotDisplayScaling": 1,
    "acq_id": "mb3",
    "dataset": "ds002785",
    "modality": "bold",
    "subject_id": "0128",
    "task_id": "faces"
  },
  "dummy_trs": 1,
  "dvars_nstd": 22.65290935454268,
  "dvars_std": 1.1351853487500005,
  "dvars_vstd": 1.0004850126524392,
  "efc": 0.43623808234242034,
  "fber": 181814.703125,
  "fd_mean": 0.11370863581659836,
  "fd_num": 18,
  "fd_perc": 5.47112462006079,
  "fwhm_avg": 2.2397926859266506,
  "fwhm_x": 2.2218966666666664,
  "fwhm_y": 2.4329266666666665,
  "fwhm_z": 2.06455472444662,
  "gcor": 0.0113882,
  "gsr_x": -0.018770063295960426,
  "gsr_y": 0.019731953740119934,
  "provenance": {
    "md5sum": "fed7c317139cd48ee0bf852b0f4241da",
    "settings": {
      "fd_thres": 0.2,
      "testing": false
    },
    "software": "mriqc",
    "version": "22.0.0rc1",
    "webapi_port": null,
    "webapi_url": "https://mriqc.nimh.nih.gov/api/v1"
  },
  "size_t": 329,
  "size_x": 80,
  "size_y": 80,
  "size_z": 36,
  "snr": 5.936451319372042,
  "spacing_tr": 0.75,
  "spacing_x": 3.0,
  "spacing_y": 3.0,
  "spacing_z": 3.299999713897705,
  "summary_bg_k": 43.592744879187144,
  "summary_bg_mad": 51.03660640907812,
  "summary_bg_mean": 474.1809997558594,
  "summary_bg_median": 46.06340026855469,
  "summary_bg_n": 154648.0,
  "summary_bg_p05": 4.231892728805542,
  "summary_bg_p95": 2499.10284423828,
  "summary_bg_stdv": 1255.8314208984375,
  "summary_fg_k": 0.4639041090658096,
  "summary_fg_mad": 3185.782056918324,
  "summary_fg_mean": 20106.861328125,
  "summary_fg_median": 19881.79296875,
  "summary_fg_n": 35528.0,
  "summary_fg_p05": 14983.691601562501,
  "summary_fg_p95": 25884.202734375,
  "summary_fg_stdv": 3349.056884765625,
  "tsnr": 65.4239273071289
}