{
  "aor": 0.00035669696969696974,
  "aqi": 0.009679837696969697,
  "bids_meta": {
    "AcquisitionNumber": 2,
    "BidsifyVersion": "0.3.5",
    "ConversionSoftware": "dcm2niix",
    "ConversionSoftwareVersion": "v1.0.20181125  GCC6.3.0",
    "EchoTime": 0.02762,
    "EffectiveEchoSpacing": 0.0006333282667071997,
    "ImageComments": "PIOP",
    "ImageOrientationPatientDICOM": [
      0.999328,
      0.0357773,
      -0.00795178,
      -0.0366437,
      0.97948,
      -0.198183
    ],
    "Manufacturer": "Philips",
    "NumberOfVolumesDiscardedByScanner": 2,
    "ParallelAcquisitionTechnique": "SENSE",
    "ParallelReductionFactorInPlane": 2,
    "PatientPosition": "HFS",
    "PhaseEncodingDirection": "j",
    "PhilipsRescaleIntercept": 0,
    "PhilipsRescaleSlope": 0.75995,
    "PhilipsScaleSlope": 0.114785,
    "ProtocolName": "WIPpiopfacesSENSE",
    "PulseSequenceType": "gradient echo EPI",
    "ReconMatrixPE": 80,
    "RepetitionTime": 0.75,
    "SeriesDescription": "ImageMRSERIES",
    "SeriesNumber": 2,
    "SliceEncodingDirection": "k",
    "SliceTiming": [
      0.0,
      0.06755050505050506,
      0.1351010101010101,
      0.20265151515151517,
      0.2702020202020202,
      0.3377525252525253,
      0.40530303030303033,
      0.47285353535353536,
      0.5404040404040404,
      0.6079545454545455,
      0.6755050505050506,
      0.7430555555555556,
      0.0,
      0.06755050505050506,
      0.1351010101010101,
      0.20265151515151517,
      0.2702020202020202,
      0.3377525252525253,
      0.40530303030303033,
      0.47285353535353536,
      0.5404040404040404,
      0.6079545454545455,
      0.6755050505050506,
      0.7430555555555556,
      0.0,
      0.06755050505050506,
      0.1351010101010101,
      0.20265151515151517,
      0.2702020202020202,
      0.3377525252525253,
      0.40530303030303033,
      0.47285353535353536,
      0.5404040404040404,
      0.6079545454545455,
      0.6755050505050506,
      0.7430555555555556
    ],
    "TaskName": "faces",
    "TotalReadoutTime": 0.024699802401580786,
    "UsePhilipsFloatNotDisplayScaling": 1,
    "acq_id": "mb3",
    "dataset": "ds002785",
    "modality": "bold",
    "subject_id": "0063",
    "task_id": "faces"
  },
  "dummy_trs": 0,
  "dvars_nstd": 32.00613153425534,
  "dvars_std": 1.1268307993009121,
  "dvars_vstd": 0.999592052796352,
  "efc": 0.4223041305356449,
  "fber": 158927.609375,
  "fd_mean": 0.09035138131200819,
  "fd_num": 5,
  "fd_perc": 1.5151515151515151,
  "fwhm_avg": 1.932882837131843,
  "fwhm_x": 1.9084,
  "fwhm_y": 2.053033333333333,
  "fwhm_z": 1.837215178062196,
  "gcor": 0.00689993,
  "gsr_x": -0.017503250390291214,
  "gsr_y": 0.011575241573154926,
  "provenance": {
    "md5sum": "0712924b4b02431aa2bb59d3ff0104f7",
    "settings": {
      "fd_thres": 0.2,
      "testing": false
    },
    "software": "mriqc",
    "version": "22.0.0rc1",
    "webapi_port": null,
    "webapi_url": "https://mriqc.nimh.nih.gov/api/v1"
  },
  "size_t": 330,
  "size_x": 80,
  "size_y": 80,
  "size_z": 36,
  "snr": 6.23578720417937,
  "spacing_tr": 0.75,
  "spacing_x": 3.0,
  "spacing_y": 3.0,
  "spacing_z": 3.299999952316284,
  "summary_bg_k": 35.50460729180035,
  "summary_bg_mad": 44.18357254111969,
  "summary_bg_mean": 348.60546875,
  "summary_bg_median": 38.63167953491211,
  "summary_bg_n": 156493.0,
  "summary_bg_p05": 2.341953229904175,
  "summary_bg_p95": 1757.7087890624991,
  "summary_bg_stdv": 934.2839965820312,
  "summary_fg_k": 0.7258054154005049,
  "summary_fg_mad": 2351.308664496312,
  "summary_fg_mean": 15890.1279296875,
  "summary_fg_median": 15827.1181640625,
  "summary_fg_n": 32819.0,
  "summary_fg_p05": 11736.71181640625,
  "summary_fg_p95": 20079.6732421875,
  "summary_fg_stdv": 2538.072021484375,
  "tsnr": 47.294315338134766
}