{
  "aor": 0.0007499,
  "aqi": 0.00419584785,
  "bids_meta": {
    "AcquisitionNumber": 9,
    "BidsifyVersion": "0.3.5",
    "ConversionSoftware": "dcm2niix",
    "ConversionSoftwareVersion": "v1.0.20181125  GCC6.3.0",
    "EchoTime": 0.02762,
    "EffectiveEchoSpacing": 0.0006621159151938905,
    "ImageComments": "PIOP",
    "ImageOrientationPatientDICOM": [
      0.998159,
      0.0603589,
      -0.00602552,
      -0.0603506,
      0.978169,
      -0.198854
    ],
    "Manufacturer": "Philips",
    "NumberOfVolumesDiscardedByScanner": 2,
    "ParallelAcquisitionTechnique": "SENSE",
    "ParallelReductionFactorInPlane": 2,
    "PatientPosition": "HFS",
    "PhaseEncodingDirection": "j",
    "PhilipsRescaleIntercept": 0,
    "PhilipsRescaleSlope": 0.76557,
    "PhilipsScaleSlope": 0.0716223,
    "ProtocolName": "WIPpiopanticipatieSENSE",
    "PulseSequenceType": "gradient echo EPI",
    "ReconMatrixPE": 80,
    "RepetitionTime": 2,
    "SeriesDescription": "ImageMRSERIES",
    "SeriesNumber": 9,
    "SliceEncodingDirection": "k",
    "SliceTiming": [
      0.0,
      0.0541,
      0.1081,
      0.1622,
      0.2162,
      0.2703,
      0.3243,
      0.3784,
      0.4324,
      0.4865,
      0.5405,
      0.5946,
      0.6486,
      0.7027,
      0.7568,
      0.8108,
      0.8649,
      0.9189,
      0.973,
      1.027,
      1.0811,
      1.1351,
      1.1892,
      1.2432,
      1.2973,
      1.3514,
      1.4054,
      1.4595,
      1.5135,
      1.5676,
      1.6216,
      1.6757,
      1.7297,
      1.7838,
      1.8378,
      1.8919,
      1.9459
    ],
    "TaskName": "anticipation",
    "TotalReadoutTime": 0.025822520692561732,
    "UsePhilipsFloatNotDisplayScaling": 1,
    "acq_id": "seq",
    "dataset": "ds002785",
    "modality": "bold",
    "subject_id": "0063",
    "task_id": "anticipation"
  },
  "dummy_trs": 0,
  "dvars_nstd": 20.148938155226134,
  "dvars_std": 1.1067593543216079,
  "dvars_vstd": 0.990543191859296,
  "efc": 0.4184583938267009,
  "fber": 137880.515625,
  "fd_mean": 0.12652591037863006,
  "fd_num": 15,
  "fd_perc": 7.5,
  "fwhm_avg": 1.8759837461365654,
  "fwhm_x": 1.8076766666666666,
  "fwhm_y": 2.0009533333333334,
  "fwhm_z": 1.819321238409696,
  "gcor": 0.0192984,
  "gsr_x": -0.016268093138933182,
  "gsr_y": 0.01432720199227333,
  "provenance": {
    "md5sum": "26806b484e7e7a273a78c6868dfbfd1e",
    "settings": {
      "fd_thres": 0.2,
      "testing": false
    },
    "software": "mriqc",
    "version": "22.0.0rc1",
    "webapi_port": null,
    "webapi_url": "https://mriqc.nimh.nih.gov/api/v1"
  },
  "size_t": 200,
  "size_x": 80,
  "size_y": 80,
  "size_z": 37,
  "snr": 5.230512605853849,
  "spacing_tr": 2.0,
  "spacing_x": 3.0,
  "spacing_y": 3.0,
  "spacing_z": 3.299999952316284,
  "summary_bg_k": 36.34727422916584,
  "summary_bg_mad": 58.91635238045964,
  "summary_bg_mean": 469.0461730957031,
  "summary_bg_median": 54.00514221191406,
  "summary_bg_n": 161486.0,
  "summary_bg_p05": 4.073940873146057,
  "summary_bg_p95": 2381.9722290039062,
  "summary_bg_stdv": 1293.047607421875,
  "summary_fg_k": 1.3155878186072965,
  "summary_fg_mad": 3574.5003782290332,
  "summary_fg_mean": 21095.671875,
  "summary_fg_median": 20610.697265625,
  "summary_fg_n": 33738.0,
  "summary_fg_p05": 15417.08154296875,
  "summary_fg_p95": 27845.025976562498,
  "summary_fg_stdv": 3940.415283203125,
  "tsnr": 75.09325408935547
}