{
  "aor": 0.000519623430962343,
  "aqi": 0.012442131548117154,
  "bids_meta": {
    "AcquisitionNumber": 6,
    "BidsifyVersion": "0.3.5",
    "ConversionSoftware": "dcm2niix",
    "ConversionSoftwareVersion": "v1.0.20181125  GCC6.3.0",
    "EchoTime": 0.02762,
    "EffectiveEchoSpacing": 0.0006333282667071997,
    "ImageComments": "PIOP",
    "ImageOrientationPatientDICOM": [
      0.999328,
      0.0357773,
      -0.00795178,
      -0.0366437,
      0.97948,
      -0.198183
    ],
    "Manufacturer": "Philips",
    "NumberOfVolumesDiscardedByScanner": 2,
    "ParallelAcquisitionTechnique": "SENSE",
    "ParallelReductionFactorInPlane": 2,
    "PatientPosition": "HFS",
    "PhaseEncodingDirection": "j",
    "PhilipsRescaleIntercept": 0,
    "PhilipsRescaleSlope": 0.79976,
    "PhilipsScaleSlope": 0.10369,
    "ProtocolName": "WIPpioprsSENSE",
    "PulseSequenceType": "gradient echo EPI",
    "ReconMatrixPE": 80,
    "RepetitionTime": 0.75,
    "SeriesDescription": "ImageMRSERIES",
    "SeriesNumber": 6,
    "SliceEncodingDirection": "k",
    "SliceTiming": [
      0.0,
      0.06755050505050506,
      0.1351010101010101,
      0.20265151515151517,
      0.2702020202020202,
      0.3377525252525253,
      0.40530303030303033,
      0.47285353535353536,
      0.5404040404040404,
      0.6079545454545455,
      0.6755050505050506,
      0.7430555555555556,
      0.0,
      0.06755050505050506,
      0.1351010101010101,
      0.20265151515151517,
      0.2702020202020202,
      0.3377525252525253,
      0.40530303030303033,
      0.47285353535353536,
      0.5404040404040404,
      0.6079545454545455,
      0.6755050505050506,
      0.7430555555555556,
      0.0,
      0.06755050505050506,
      0.1351010101010101,
      0.20265151515151517,
      0.2702020202020202,
      0.3377525252525253,
      0.40530303030303033,
      0.47285353535353536,
      0.5404040404040404,
      0.6079545454545455,
      0.6755050505050506,
      0.7430555555555556
    ],
    "TaskName": "restingstate",
    "TotalReadoutTime": 0.024699802401580786,
    "UsePhilipsFloatNotDisplayScaling": 1,
    "acq_id": "mb3",
    "dataset": "ds002785",
    "modality": "bold",
    "subject_id": "0063",
    "task_id": "restingstate"
  },
  "dummy_trs": 2,
  "dvars_nstd": 31.938151333542972,
  "dvars_std": 1.1329815298113215,
  "dvars_vstd": 1.0112687096016775,
  "efc": 0.42412236367460715,
  "fber": 151849.453125,
  "fd_mean": 0.09584396154307968,
  "fd_num": 23,
  "fd_perc": 4.811715481171548,
  "fwhm_avg": 1.9060745541122561,
  "fwhm_x": 1.88017,
  "fwhm_y": 2.040556666666667,
  "fwhm_z": 1.7974969956701017,
  "gcor": 0.0124749,
  "gsr_x": -0.017660493031144142,
  "gsr_y": 0.012447170913219452,
  "provenance": {
    "md5sum": "ece6c4532288888eb87d2d05d13ca4ff",
    "settings": {
      "fd_thres": 0.2,
      "testing": false
    },
    "software": "mriqc",
    "version": "22.0.0rc1",
    "webapi_port": null,
    "webapi_url": "https://mriqc.nimh.nih.gov/api/v1"
  },
  "size_t": 478,
  "size_x": 80,
  "size_y": 80,
  "size_z": 36,
  "snr": 6.499401412412896,
  "spacing_tr": 0.75,
  "spacing_x": 3.0,
  "spacing_y": 3.0,
  "spacing_z": 3.299999952316284,
  "summary_bg_k": 34.945290404604314,
  "summary_bg_mad": 44.687942426449666,
  "summary_bg_mean": 354.4796142578125,
  "summary_bg_median": 39.081207275390625,
  "summary_bg_n": 156422.0,
  "summary_bg_p05": 2.4051782131195067,
  "summary_bg_p95": 1804.3110717773357,
  "summary_bg_stdv": 941.3937377929688,
  "summary_fg_k": 0.7886658166729008,
  "summary_fg_mad": 2200.1454959190883,
  "summary_fg_mean": 15661.8671875,
  "summary_fg_median": 15591.4755859375,
  "summary_fg_n": 32933.0,
  "summary_fg_p05": 11735.739453125,
  "summary_fg_p95": 19659.262499999997,
  "summary_fg_stdv": 2398.873046875,
  "tsnr": 43.60036087036133
}