{
  "aor": 0.001433851851851852,
  "aqi": 0.004800006592592593,
  "bids_meta": {
    "AcquisitionNumber": 5,
    "BidsifyVersion": "0.3.5",
    "ConversionSoftware": "dcm2niix",
    "ConversionSoftwareVersion": "v1.0.20181125  GCC6.3.0",
    "EchoTime": 0.02762,
    "EffectiveEchoSpacing": 0.0006621159151938905,
    "ImageComments": "PIOP",
    "ImageOrientationPatientDICOM": [
      0.998159,
      0.0603589,
      -0.00602552,
      -0.0603506,
      0.978169,
      -0.198854
    ],
    "Manufacturer": "Philips",
    "NumberOfVolumesDiscardedByScanner": 2,
    "ParallelAcquisitionTechnique": "SENSE",
    "ParallelReductionFactorInPlane": 2,
    "PatientPosition": "HFS",
    "PhaseEncodingDirection": "j",
    "PhilipsRescaleIntercept": 0,
    "PhilipsRescaleSlope": 0.79878,
    "PhilipsScaleSlope": 0.0693799,
    "ProtocolName": "WIPpiopharririSENSE",
    "PulseSequenceType": "gradient echo EPI",
    "ReconMatrixPE": 80,
    "RepetitionTime": 2,
    "SeriesDescription": "ImageMRSERIES",
    "SeriesNumber": 5,
    "SliceEncodingDirection": "k",
    "SliceTiming": [
      0.0,
      0.0541,
      0.1081,
      0.1622,
      0.2162,
      0.2703,
      0.3243,
      0.3784,
      0.4324,
      0.4865,
      0.5405,
      0.5946,
      0.6486,
      0.7027,
      0.7568,
      0.8108,
      0.8649,
      0.9189,
      0.973,
      1.027,
      1.0811,
      1.1351,
      1.1892,
      1.2432,
      1.2973,
      1.3514,
      1.4054,
      1.4595,
      1.5135,
      1.5676,
      1.6216,
      1.6757,
      1.7297,
      1.7838,
      1.8378,
      1.8919,
      1.9459
    ],
    "TaskName": "emomatching",
    "TotalReadoutTime": 0.025822520692561732,
    "UsePhilipsFloatNotDisplayScaling": 1,
    "acq_id": "seq",
    "dataset": "ds002785",
    "modality": "bold",
    "subject_id": "0063",
    "task_id": "emomatching"
  },
  "dummy_trs": 0,
  "dvars_nstd": 20.111049395522386,
  "dvars_std": 1.137584510970149,
  "dvars_vstd": 1.00060259477612,
  "efc": 0.418085731902185,
  "fber": 139713.953125,
  "fd_mean": 0.11640302066954253,
  "fd_num": 8,
  "fd_perc": 5.925925925925926,
  "fwhm_avg": 1.8715341500829885,
  "fwhm_x": 1.8108566666666668,
  "fwhm_y": 2.0039366666666667,
  "fwhm_z": 1.7998091169156323,
  "gcor": 0.0179756,
  "gsr_x": -0.016162525862455368,
  "gsr_y": 0.014500526711344719,
  "provenance": {
    "md5sum": "9dcb844d1ae76af128e1b0984cc78d91",
    "settings": {
      "fd_thres": 0.2,
      "testing": false
    },
    "software": "mriqc",
    "version": "22.0.0rc1",
    "webapi_port": null,
    "webapi_url": "https://mriqc.nimh.nih.gov/api/v1"
  },
  "size_t": 135,
  "size_x": 80,
  "size_y": 80,
  "size_z": 37,
  "snr": 5.217018187479789,
  "spacing_tr": 2.0,
  "spacing_x": 3.0,
  "spacing_y": 3.0,
  "spacing_z": 3.299999952316284,
  "summary_bg_k": 37.875962994439895,
  "summary_bg_mad": 59.133936941712506,
  "summary_bg_mean": 464.5950927734375,
  "summary_bg_median": 53.869956970214844,
  "summary_bg_n": 161466.0,
  "summary_bg_p05": 4.050827741622925,
  "summary_bg_p95": 2334.053955078125,
  "summary_bg_stdv": 1295.421630859375,
  "summary_fg_k": 1.314966087120168,
  "summary_fg_mad": 3589.4364372974933,
  "summary_fg_mean": 21168.57421875,
  "summary_fg_median": 20679.357421875,
  "summary_fg_n": 33784.0,
  "summary_fg_p05": 15444.715771484374,
  "summary_fg_p95": 27895.14345703125,
  "summary_fg_stdv": 3963.768310546875,
  "tsnr": 72.78131866455078
}