{
  "aor": 0.0012593333333333332,
  "aqi": 0.003623962,
  "bids_meta": {
    "AcquisitionNumber": 5,
    "BidsifyVersion": "0.3.5",
    "ConversionSoftware": "dcm2niix",
    "ConversionSoftwareVersion": "v1.0.20181125  GCC6.3.0",
    "EchoTime": 0.02762,
    "EffectiveEchoSpacing": 0.0006621159151938905,
    "ImageComments": "piop",
    "ImageOrientationPatientDICOM": [
      0.999262,
      0.0356701,
      -0.0142393,
      -0.0383878,
      0.939373,
      -0.34074
    ],
    "Manufacturer": "Philips",
    "NumberOfVolumesDiscardedByScanner": 2,
    "ParallelAcquisitionTechnique": "SENSE",
    "ParallelReductionFactorInPlane": 2,
    "PatientPosition": "HFS",
    "PhaseEncodingDirection": "j",
    "PhilipsRescaleIntercept": 0,
    "PhilipsRescaleSlope": 0.74652,
    "PhilipsScaleSlope": 0.0537849,
    "ProtocolName": "WIPpiopharririSENSE",
    "PulseSequenceType": "gradient echo EPI",
    "ReconMatrixPE": 80,
    "RepetitionTime": 2,
    "SeriesDescription": "ImageMRSERIES",
    "SeriesNumber": 5,
    "SliceEncodingDirection": "k",
    "SliceTiming": [
      0.0,
      0.0541,
      0.1081,
      0.1622,
      0.2162,
      0.2703,
      0.3243,
      0.3784,
      0.4324,
      0.4865,
      0.5405,
      0.5946,
      0.6486,
      0.7027,
      0.7568,
      0.8108,
      0.8649,
      0.9189,
      0.973,
      1.027,
      1.0811,
      1.1351,
      1.1892,
      1.2432,
      1.2973,
      1.3514,
      1.4054,
      1.4595,
      1.5135,
      1.5676,
      1.6216,
      1.6757,
      1.7297,
      1.7838,
      1.8378,
      1.8919,
      1.9459
    ],
    "TaskName": "emomatching",
    "TotalReadoutTime": 0.025822520692561732,
    "UsePhilipsFloatNotDisplayScaling": 1,
    "acq_id": "seq",
    "dataset": "ds002785",
    "modality": "bold",
    "subject_id": "0199",
    "task_id": "emomatching"
  },
  "dummy_trs": 0,
  "dvars_nstd": 22.17521759253732,
  "dvars_std": 1.376595759253731,
  "dvars_vstd": 1.0021350973134326,
  "efc": 0.40938448949298356,
  "fber": 172765.515625,
  "fd_mean": 0.08296160737241301,
  "fd_num": 0,
  "fd_perc": 0.0,
  "fwhm_avg": 1.864386372135187,
  "fwhm_x": 1.8238766666666668,
  "fwhm_y": 2.004773333333333,
  "fwhm_z": 1.7645091164055609,
  "gcor": 0.0168969,
  "gsr_x": -0.02124277874827385,
  "gsr_y": 0.014955734834074974,
  "provenance": {
    "md5sum": "83445363710d29abb5f5627037be6aec",
    "settings": {
      "fd_thres": 0.2,
      "testing": false
    },
    "software": "mriqc",
    "version": "22.0.0rc1",
    "webapi_port": null,
    "webapi_url": "https://mriqc.nimh.nih.gov/api/v1"
  },
  "size_t": 135,
  "size_x": 80,
  "size_y": 80,
  "size_z": 37,
  "snr": 5.035629940903064,
  "spacing_tr": 2.0,
  "spacing_x": 3.0,
  "spacing_y": 3.0,
  "spacing_z": 3.299999952316284,
  "summary_bg_k": 57.6107855502496,
  "summary_bg_mad": 59.066793431989524,
  "summary_bg_mean": 546.1475219726562,
  "summary_bg_median": 60.231224060058594,
  "summary_bg_n": 162779.0,
  "summary_bg_p05": 5.850287055969239,
  "summary_bg_p95": 2816.432592773438,
  "summary_bg_stdv": 1651.6658935546875,
  "summary_fg_k": 2.3248160476863866,
  "summary_fg_mad": 4400.374967354459,
  "summary_fg_mean": 26192.68359375,
  "summary_fg_median": 25668.79296875,
  "summary_fg_n": 32928.0,
  "summary_fg_p05": 18906.31240234375,
  "summary_fg_p95": 34561.359960937494,
  "summary_fg_stdv": 5097.35693359375,
  "tsnr": 89.64513397216797
}