{
  "aor": 0.0007382727272727273,
  "aqi": 0.014863574575757574,
  "bids_meta": {
    "AcquisitionNumber": 2,
    "BidsifyVersion": "0.3.5",
    "ConversionSoftware": "dcm2niix",
    "ConversionSoftwareVersion": "v1.0.20181125  GCC6.3.0",
    "EchoTime": 0.02762,
    "EffectiveEchoSpacing": 0.0006333282667071997,
    "ImageComments": "piop",
    "ImageOrientationPatientDICOM": [
      0.999262,
      0.0356701,
      -0.0142393,
      -0.0383878,
      0.939373,
      -0.34074
    ],
    "Manufacturer": "Philips",
    "NumberOfVolumesDiscardedByScanner": 2,
    "ParallelAcquisitionTechnique": "SENSE",
    "ParallelReductionFactorInPlane": 2,
    "PatientPosition": "HFS",
    "PhaseEncodingDirection": "j",
    "PhilipsRescaleIntercept": 0,
    "PhilipsRescaleSlope": 0.76239,
    "PhilipsScaleSlope": 0.0915207,
    "ProtocolName": "WIPpiopfacesSENSE",
    "PulseSequenceType": "gradient echo EPI",
    "ReconMatrixPE": 80,
    "RepetitionTime": 0.75,
    "SeriesDescription": "ImageMRSERIES",
    "SeriesNumber": 2,
    "SliceEncodingDirection": "k",
    "SliceTiming": [
      0.0,
      0.06755050505050506,
      0.1351010101010101,
      0.20265151515151517,
      0.2702020202020202,
      0.3377525252525253,
      0.40530303030303033,
      0.47285353535353536,
      0.5404040404040404,
      0.6079545454545455,
      0.6755050505050506,
      0.7430555555555556,
      0.0,
      0.06755050505050506,
      0.1351010101010101,
      0.20265151515151517,
      0.2702020202020202,
      0.3377525252525253,
      0.40530303030303033,
      0.47285353535353536,
      0.5404040404040404,
      0.6079545454545455,
      0.6755050505050506,
      0.7430555555555556,
      0.0,
      0.06755050505050506,
      0.1351010101010101,
      0.20265151515151517,
      0.2702020202020202,
      0.3377525252525253,
      0.40530303030303033,
      0.47285353535353536,
      0.5404040404040404,
      0.6079545454545455,
      0.6755050505050506,
      0.7430555555555556
    ],
    "TaskName": "faces",
    "TotalReadoutTime": 0.024699802401580786,
    "UsePhilipsFloatNotDisplayScaling": 1,
    "acq_id": "mb3",
    "dataset": "ds002785",
    "modality": "bold",
    "subject_id": "0199",
    "task_id": "faces"
  },
  "dummy_trs": 0,
  "dvars_nstd": 30.30587951729483,
  "dvars_std": 1.1496508155623095,
  "dvars_vstd": 0.9618570399088133,
  "efc": 0.4164936522419748,
  "fber": 149990.625,
  "fd_mean": 0.10477011338263316,
  "fd_num": 11,
  "fd_perc": 3.3333333333333335,
  "fwhm_avg": 1.9141422307788003,
  "fwhm_x": 1.8987633333333334,
  "fwhm_y": 2.0671633333333332,
  "fwhm_z": 1.776500025669734,
  "gcor": 0.0135917,
  "gsr_x": -0.023683389648795128,
  "gsr_y": 0.012574965134263039,
  "provenance": {
    "md5sum": "537d9f5a6b4b03bc36f99620af6e49eb",
    "settings": {
      "fd_thres": 0.2,
      "testing": false
    },
    "software": "mriqc",
    "version": "22.0.0rc1",
    "webapi_port": null,
    "webapi_url": "https://mriqc.nimh.nih.gov/api/v1"
  },
  "size_t": 330,
  "size_x": 80,
  "size_y": 80,
  "size_z": 36,
  "snr": 5.964282648329855,
  "spacing_tr": 0.75,
  "spacing_x": 3.0,
  "spacing_y": 3.0,
  "spacing_z": 3.299999952316284,
  "summary_bg_k": 45.54684870505968,
  "summary_bg_mad": 49.9674060199551,
  "summary_bg_mean": 397.8388977050781,
  "summary_bg_median": 45.22336959838867,
  "summary_bg_n": 157799.0,
  "summary_bg_p05": 4.153844261169434,
  "summary_bg_p95": 2030.2518188476574,
  "summary_bg_stdv": 1131.2525634765625,
  "summary_fg_k": 1.0802814407516577,
  "summary_fg_mad": 2726.2506575754965,
  "summary_fg_mean": 17942.814453125,
  "summary_fg_median": 17897.90625,
  "summary_fg_n": 32208.0,
  "summary_fg_p05": 13074.62333984375,
  "summary_fg_p95": 22763.167480468746,
  "summary_fg_stdv": 3000.801513671875,
  "tsnr": 42.782196044921875
}