{
  "aor": 0.0025801234567901232,
  "aqi": 0.005315493271604939,
  "bids_meta": {
    "AcquisitionNumber": 8,
    "BidsifyVersion": "0.3.5",
    "ConversionSoftware": "dcm2niix",
    "ConversionSoftwareVersion": "v1.0.20181125  GCC6.3.0",
    "EchoTime": 0.02762,
    "EffectiveEchoSpacing": 0.0006621159151938905,
    "ImageComments": "piop",
    "ImageOrientationPatientDICOM": [
      0.999262,
      0.0356701,
      -0.0142393,
      -0.0383878,
      0.939373,
      -0.34074
    ],
    "Manufacturer": "Philips",
    "NumberOfVolumesDiscardedByScanner": 2,
    "ParallelAcquisitionTechnique": "SENSE",
    "ParallelReductionFactorInPlane": 2,
    "PatientPosition": "HFS",
    "PhaseEncodingDirection": "j",
    "PhilipsRescaleIntercept": 0,
    "PhilipsRescaleSlope": 0.75922,
    "PhilipsScaleSlope": 0.0499815,
    "ProtocolName": "WIPpiopwmSENSE",
    "PulseSequenceType": "gradient echo EPI",
    "ReconMatrixPE": 80,
    "RepetitionTime": 2,
    "SeriesDescription": "ImageMRSERIES",
    "SeriesNumber": 8,
    "SliceEncodingDirection": "k",
    "SliceTiming": [
      0.0,
      0.0541,
      0.1081,
      0.1622,
      0.2162,
      0.2703,
      0.3243,
      0.3784,
      0.4324,
      0.4865,
      0.5405,
      0.5946,
      0.6486,
      0.7027,
      0.7568,
      0.8108,
      0.8649,
      0.9189,
      0.973,
      1.027,
      1.0811,
      1.1351,
      1.1892,
      1.2432,
      1.2973,
      1.3514,
      1.4054,
      1.4595,
      1.5135,
      1.5676,
      1.6216,
      1.6757,
      1.7297,
      1.7838,
      1.8378,
      1.8919,
      1.9459
    ],
    "TaskName": "workingmemory",
    "TotalReadoutTime": 0.025822520692561732,
    "UsePhilipsFloatNotDisplayScaling": 1,
    "acq_id": "seq",
    "dataset": "ds002785",
    "modality": "bold",
    "subject_id": "0199",
    "task_id": "workingmemory"
  },
  "dummy_trs": 0,
  "dvars_nstd": 21.30969060583852,
  "dvars_std": 1.327202561366459,
  "dvars_vstd": 1.0259471329813665,
  "efc": 0.41031537400656165,
  "fber": 169381.609375,
  "fd_mean": 0.11133421528039418,
  "fd_num": 11,
  "fd_perc": 6.790123456790123,
  "fwhm_avg": 1.8880064732499526,
  "fwhm_x": 1.8479833333333333,
  "fwhm_y": 2.0297966666666665,
  "fwhm_z": 1.7862394197498583,
  "gcor": 0.0274246,
  "gsr_x": -0.021892139688134193,
  "gsr_y": 0.015129227191209793,
  "provenance": {
    "md5sum": "6b083632f47eeb39ae4c482cfea40743",
    "settings": {
      "fd_thres": 0.2,
      "testing": false
    },
    "software": "mriqc",
    "version": "22.0.0rc1",
    "webapi_port": null,
    "webapi_url": "https://mriqc.nimh.nih.gov/api/v1"
  },
  "size_t": 162,
  "size_x": 80,
  "size_y": 80,
  "size_z": 37,
  "snr": 4.88326856704142,
  "spacing_tr": 2.0,
  "spacing_x": 3.0,
  "spacing_y": 3.0,
  "spacing_z": 3.299999952316284,
  "summary_bg_k": 53.502436501998176,
  "summary_bg_mad": 62.33363924691642,
  "summary_bg_mean": 565.2890625,
  "summary_bg_median": 61.466461181640625,
  "summary_bg_n": 162734.0,
  "summary_bg_p05": 6.044314765930177,
  "summary_bg_p95": 2949.2931274414104,
  "summary_bg_stdv": 1675.8814697265625,
  "summary_fg_k": 2.4415591043038267,
  "summary_fg_mad": 4593.99934224234,
  "summary_fg_mean": 26410.53515625,
  "summary_fg_median": 25859.01171875,
  "summary_fg_n": 32929.0,
  "summary_fg_p05": 18870.66171875,
  "summary_fg_p95": 35127.86796874999,
  "summary_fg_stdv": 5295.3505859375,
  "tsnr": 72.95506286621094
}