{
  "aor": 0.00508585,
  "aqi": 0.00649589665,
  "bids_meta": {
    "AcquisitionNumber": 9,
    "BidsifyVersion": "0.3.5",
    "ConversionSoftware": "dcm2niix",
    "ConversionSoftwareVersion": "v1.0.20181125  GCC6.3.0",
    "EchoTime": 0.02762,
    "EffectiveEchoSpacing": 0.0006621159151938905,
    "ImageComments": "piop",
    "ImageOrientationPatientDICOM": [
      0.999262,
      0.0356701,
      -0.0142393,
      -0.0383878,
      0.939373,
      -0.34074
    ],
    "Manufacturer": "Philips",
    "NumberOfVolumesDiscardedByScanner": 2,
    "ParallelAcquisitionTechnique": "SENSE",
    "ParallelReductionFactorInPlane": 2,
    "PatientPosition": "HFS",
    "PhaseEncodingDirection": "j",
    "PhilipsRescaleIntercept": 0,
    "PhilipsRescaleSlope": 0.80488,
    "PhilipsScaleSlope": 0.0503503,
    "ProtocolName": "WIPpiopanticipatieSENSE",
    "PulseSequenceType": "gradient echo EPI",
    "ReconMatrixPE": 80,
    "RepetitionTime": 2,
    "SeriesDescription": "ImageMRSERIES",
    "SeriesNumber": 9,
    "SliceEncodingDirection": "k",
    "SliceTiming": [
      0.0,
      0.0541,
      0.1081,
      0.1622,
      0.2162,
      0.2703,
      0.3243,
      0.3784,
      0.4324,
      0.4865,
      0.5405,
      0.5946,
      0.6486,
      0.7027,
      0.7568,
      0.8108,
      0.8649,
      0.9189,
      0.973,
      1.027,
      1.0811,
      1.1351,
      1.1892,
      1.2432,
      1.2973,
      1.3514,
      1.4054,
      1.4595,
      1.5135,
      1.5676,
      1.6216,
      1.6757,
      1.7297,
      1.7838,
      1.8378,
      1.8919,
      1.9459
    ],
    "TaskName": "anticipation",
    "TotalReadoutTime": 0.025822520692561732,
    "UsePhilipsFloatNotDisplayScaling": 1,
    "acq_id": "seq",
    "dataset": "ds002785",
    "modality": "bold",
    "subject_id": "0199",
    "task_id": "anticipation"
  },
  "dummy_trs": 0,
  "dvars_nstd": 26.546584718693477,
  "dvars_std": 1.4548121882914573,
  "dvars_vstd": 1.049131471758794,
  "efc": 0.4108590825650563,
  "fber": 169475.09375,
  "fd_mean": 0.15125775900066152,
  "fd_num": 36,
  "fd_perc": 18.0,
  "fwhm_avg": 1.8460628366949832,
  "fwhm_x": 1.8078533333333333,
  "fwhm_y": 1.98382,
  "fwhm_z": 1.746515176751616,
  "gcor": 0.0614245,
  "gsr_x": -0.021815238520503044,
  "gsr_y": 0.015180657617747784,
  "provenance": {
    "md5sum": "dfd23b8fe643eae57565e97a2cda6f0e",
    "settings": {
      "fd_thres": 0.2,
      "testing": false
    },
    "software": "mriqc",
    "version": "22.0.0rc1",
    "webapi_port": null,
    "webapi_url": "https://mriqc.nimh.nih.gov/api/v1"
  },
  "size_t": 200,
  "size_x": 80,
  "size_y": 80,
  "size_z": 37,
  "snr": 5.079189910522951,
  "spacing_tr": 2.0,
  "spacing_x": 3.0,
  "spacing_y": 3.0,
  "spacing_z": 3.299999952316284,
  "summary_bg_k": 56.09652566635018,
  "summary_bg_mad": 64.17320103600741,
  "summary_bg_mean": 555.1261596679688,
  "summary_bg_median": 60.68792724609375,
  "summary_bg_n": 162719.0,
  "summary_bg_p05": 4.857196044921875,
  "summary_bg_p95": 2900.642871093754,
  "summary_bg_stdv": 1630.384521484375,
  "summary_fg_k": 2.454007779939282,
  "summary_fg_mad": 4323.299921944374,
  "summary_fg_mean": 26074.24609375,
  "summary_fg_median": 25542.482421875,
  "summary_fg_n": 32991.0,
  "summary_fg_p05": 18893.2109375,
  "summary_fg_p95": 34341.41796875,
  "summary_fg_stdv": 5028.7734375,
  "tsnr": 66.44328308105469
}