{
  "aor": 0.0008873052631578948,
  "aqi": 0.014711246568421052,
  "bids_meta": {
    "AcquisitionNumber": 6,
    "BidsifyVersion": "0.3.5",
    "ConversionSoftware": "dcm2niix",
    "ConversionSoftwareVersion": "v1.0.20181125  GCC6.3.0",
    "EchoTime": 0.02762,
    "EffectiveEchoSpacing": 0.0006333282667071997,
    "ImageComments": "piop",
    "ImageOrientationPatientDICOM": [
      0.999262,
      0.0356701,
      -0.0142393,
      -0.0383878,
      0.939373,
      -0.34074
    ],
    "Manufacturer": "Philips",
    "NumberOfVolumesDiscardedByScanner": 2,
    "ParallelAcquisitionTechnique": "SENSE",
    "ParallelReductionFactorInPlane": 2,
    "PatientPosition": "HFS",
    "PhaseEncodingDirection": "j",
    "PhilipsRescaleIntercept": 0,
    "PhilipsRescaleSlope": 0.79634,
    "PhilipsScaleSlope": 0.0856616,
    "ProtocolName": "WIPpioprsSENSE",
    "PulseSequenceType": "gradient echo EPI",
    "ReconMatrixPE": 80,
    "RepetitionTime": 0.75,
    "SeriesDescription": "ImageMRSERIES",
    "SeriesNumber": 6,
    "SliceEncodingDirection": "k",
    "SliceTiming": [
      0.0,
      0.06755050505050506,
      0.1351010101010101,
      0.20265151515151517,
      0.2702020202020202,
      0.3377525252525253,
      0.40530303030303033,
      0.47285353535353536,
      0.5404040404040404,
      0.6079545454545455,
      0.6755050505050506,
      0.7430555555555556,
      0.0,
      0.06755050505050506,
      0.1351010101010101,
      0.20265151515151517,
      0.2702020202020202,
      0.3377525252525253,
      0.40530303030303033,
      0.47285353535353536,
      0.5404040404040404,
      0.6079545454545455,
      0.6755050505050506,
      0.7430555555555556,
      0.0,
      0.06755050505050506,
      0.1351010101010101,
      0.20265151515151517,
      0.2702020202020202,
      0.3377525252525253,
      0.40530303030303033,
      0.47285353535353536,
      0.5404040404040404,
      0.6079545454545455,
      0.6755050505050506,
      0.7430555555555556
    ],
    "TaskName": "restingstate",
    "TotalReadoutTime": 0.024699802401580786,
    "UsePhilipsFloatNotDisplayScaling": 1,
    "acq_id": "mb3",
    "dataset": "ds002785",
    "modality": "bold",
    "subject_id": "0199",
    "task_id": "restingstate"
  },
  "dummy_trs": 5,
  "dvars_nstd": 33.71461746744725,
  "dvars_std": 1.2604558750210983,
  "dvars_vstd": 1.00257169742616,
  "efc": 0.41815708429040194,
  "fber": 163500.03125,
  "fd_mean": 0.10533680485264478,
  "fd_num": 36,
  "fd_perc": 7.578947368421052,
  "fwhm_avg": 1.8419056648443057,
  "fwhm_x": 1.8281,
  "fwhm_y": 1.97882,
  "fwhm_z": 1.7187969945329176,
  "gcor": 0.0513708,
  "gsr_x": -0.02371666394174099,
  "gsr_y": 0.014031904749572277,
  "provenance": {
    "md5sum": "4142bae1d9b9d845e34c936506c6d193",
    "settings": {
      "fd_thres": 0.2,
      "testing": false
    },
    "software": "mriqc",
    "version": "22.0.0rc1",
    "webapi_port": null,
    "webapi_url": "https://mriqc.nimh.nih.gov/api/v1"
  },
  "size_t": 475,
  "size_x": 80,
  "size_y": 80,
  "size_z": 36,
  "snr": 6.427826870881022,
  "spacing_tr": 0.75,
  "spacing_x": 3.0,
  "spacing_y": 3.0,
  "spacing_z": 3.299999952316284,
  "summary_bg_k": 45.39369227693095,
  "summary_bg_mad": 44.7579675044341,
  "summary_bg_mean": 400.9280700683594,
  "summary_bg_median": 42.60531234741211,
  "summary_bg_n": 157771.0,
  "summary_bg_p05": 3.8341792821884155,
  "summary_bg_p95": 2067.1927490234375,
  "summary_bg_stdv": 1146.3446044921875,
  "summary_fg_k": 1.6036737430480468,
  "summary_fg_mad": 2414.7536149015027,
  "summary_fg_mean": 17604.181640625,
  "summary_fg_median": 17602.12109375,
  "summary_fg_n": 32167.0,
  "summary_fg_p05": 13133.74384765625,
  "summary_fg_p95": 21952.431640624996,
  "summary_fg_stdv": 2738.38232421875,
  "tsnr": 43.04801940917969
}