{
  "bids_meta": {
    "AcquisitionNumber": 4,
    "BidsifyVersion": "0.3.5",
    "ConversionSoftware": "dcm2niix",
    "ConversionSoftwareVersion": "v1.0.20181125  GCC6.3.0",
    "EchoTime": 0.00378,
    "ImageComments": "piop",
    "ImageOrientationPatientDICOM": [
      0.997289,
      0.0734211,
      0.00492259,
      -0.0728863,
      0.994797,
      -0.0711751
    ],
    "Manufacturer": "Philips",
    "PatientPosition": "HFS",
    "PhilipsRescaleIntercept": 0,
    "PhilipsRescaleSlope": 8.47546,
    "PhilipsScaleSlope": 0.00733088,
    "ProtocolName": "WIPt13dSENSE",
    "ReconMatrixPE": 240,
    "RepetitionTime": 0.008212,
    "SeriesDescription": "ImageMRSERIES",
    "SeriesNumber": 4,
    "UsePhilipsFloatNotDisplayScaling": 1,
    "dataset": "ds002785",
    "modality": "T1w",
    "subject_id": "0133"
  },
  "cjv": 0.32290162767897657,
  "cnr": 4.006940693598984,
  "efc": 0.7411227209560199,
  "fber": 2195.119140625,
  "fwhm_avg": 3.667786522666631,
  "fwhm_x": 3.6238795679998916,
  "fwhm_y": 3.93498,
  "fwhm_z": 3.4445,
  "icvs_csf": 0.2071158449253574,
  "icvs_gm": 0.4232002871140948,
  "icvs_wm": 0.36968386796054786,
  "inu_med": 1.7251293659210205,
  "inu_range": 0.3801532983779907,
  "provenance": {
    "md5sum": "fd98ececa9dd584c9755872679876bcf",
    "settings": {
      "testing": false
    },
    "software": "mriqc",
    "version": "22.0.0rc1",
    "warnings": {
      "large_rot_frame": true,
      "small_air_mask": true
    },
    "webapi_port": null,
    "webapi_url": "https://mriqc.nimh.nih.gov/api/v1"
  },
  "qi_1": 0.0,
  "qi_2": 0.0003672542786130013,
  "rpve_csf": 25.691315899358916,
  "rpve_gm": 13.547987693403334,
  "rpve_wm": 19.9448605645797,
  "size_x": 240,
  "size_y": 240,
  "size_z": 220,
  "snr_csf": 2.2256687363904577,
  "snr_gm": 7.718329239327841,
  "snr_total": 10.47744092587658,
  "snr_wm": 21.488324801911443,
  "snrd_csf": 26.959283044614757,
  "snrd_gm": 53.16948767973289,
  "snrd_total": 55.096994868185455,
  "snrd_wm": 85.16221388020872,
  "spacing_x": 1.0000001192092896,
  "spacing_y": 1.0,
  "spacing_z": 1.0,
  "summary_bg_k": 548.1630334399158,
  "summary_bg_mad": 7.692643397059175,
  "summary_bg_mean": 8.864123344421387,
  "summary_bg_median": 5.1886091232299805,
  "summary_bg_n": 196355.0,
  "summary_bg_p05": 0.0,
  "summary_bg_p95": 25.461208724975585,
  "summary_bg_stdv": 9.01869010925293,
  "summary_csf_k": 18.368862617649725,
  "summary_csf_mad": 149.1699264466684,
  "summary_csf_mean": 295.7116394042969,
  "summary_csf_median": 316.5572204589844,
  "summary_csf_n": 7075.0,
  "summary_csf_p05": 88.02324600219727,
  "summary_csf_p95": 475.5636596679687,
  "summary_csf_stdv": 142.22010803222656,
  "summary_gm_k": 0.18726704808766703,
  "summary_gm_mad": 79.38989205019698,
  "summary_gm_mean": 625.9007568359375,
  "summary_gm_median": 624.3187255859375,
  "summary_gm_n": 26161.0,
  "summary_gm_p05": 495.8913269042969,
  "summary_gm_p95": 760.8379516601562,
  "summary_gm_stdv": 80.88626098632812,
  "summary_wm_k": 0.9854683570303742,
  "summary_wm_mad": 41.91138385706669,
  "summary_wm_mean": 997.8457641601562,
  "summary_wm_median": 999.9788818359375,
  "summary_wm_n": 216211.0,
  "summary_wm_p05": 917.7474060058594,
  "summary_wm_p95": 1069.8204956054688,
  "summary_wm_stdv": 46.53580856323242,
  "tpm_overlap_csf": 0.17059992253780365,
  "tpm_overlap_gm": 0.45282530784606934,
  "tpm_overlap_wm": 0.5225738286972046,
  "wm2max": 0.7751934892512233
}