{
  "bids_meta": {
    "AcquisitionNumber": 4,
    "BidsifyVersion": "0.3.5",
    "ConversionSoftware": "dcm2niix",
    "ConversionSoftwareVersion": "v1.0.20181125  GCC6.3.0",
    "EchoTime": 0.00374,
    "ImageComments": "PIOP",
    "ImageOrientationPatientDICOM": [
      0.999367,
      0.0254935,
      0.0247975,
      -0.024075,
      0.998145,
      -0.0559121
    ],
    "Manufacturer": "Philips",
    "PatientPosition": "HFS",
    "PhilipsRescaleIntercept": 0,
    "PhilipsRescaleSlope": 9.15018,
    "PhilipsScaleSlope": 0.00749323,
    "ProtocolName": "WIPt13dSENSE",
    "ReconMatrixPE": 240,
    "RepetitionTime": 0.008165,
    "SeriesDescription": "ImageMRSERIES",
    "SeriesNumber": 4,
    "UsePhilipsFloatNotDisplayScaling": 1,
    "dataset": "ds002785",
    "modality": "T1w",
    "subject_id": "0152"
  },
  "cjv": 0.32132509827865957,
  "cnr": 3.8942333109000553,
  "efc": 0.7569306080544764,
  "fber": 702.8359375,
  "fwhm_avg": 3.5621265182042303,
  "fwhm_x": 3.55315,
  "fwhm_y": 3.73617955461269,
  "fwhm_z": 3.39705,
  "icvs_csf": 0.18695303627930326,
  "icvs_gm": 0.4411812177648924,
  "icvs_wm": 0.37186574595580435,
  "inu_med": 1.9486055374145508,
  "inu_range": 0.5574827492237091,
  "provenance": {
    "md5sum": "2a7ffee85ae9f3b7a8a91bcf6cf19969",
    "settings": {
      "testing": false
    },
    "software": "mriqc",
    "version": "22.0.0rc1",
    "warnings": {
      "large_rot_frame": true,
      "small_air_mask": true
    },
    "webapi_port": null,
    "webapi_url": "https://mriqc.nimh.nih.gov/api/v1"
  },
  "qi_1": 0.0002496379072807131,
  "qi_2": 0.00017206375294030786,
  "rpve_csf": 27.906722276632934,
  "rpve_gm": 13.359403782094208,
  "rpve_wm": 19.523620192024502,
  "size_x": 240,
  "size_y": 240,
  "size_z": 220,
  "snr_csf": 2.4281857616972133,
  "snr_gm": 7.209522060267008,
  "snr_total": 9.764888839692128,
  "snr_wm": 19.65695869711216,
  "snrd_csf": 25.20225860370085,
  "snrd_gm": 44.44889833895896,
  "snrd_total": 47.47347797478459,
  "snrd_wm": 72.76927698169396,
  "spacing_x": 1.0,
  "spacing_y": 1.0000001192092896,
  "spacing_z": 1.0,
  "summary_bg_k": 29.991430421806164,
  "summary_bg_mad": 9.002661168282929,
  "summary_bg_mean": 13.161028861999512,
  "summary_bg_median": 12.103557586669922,
  "summary_bg_n": 225107.0,
  "summary_bg_p05": 0.0,
  "summary_bg_p95": 36.85222702026367,
  "summary_bg_stdv": 14.887911796569824,
  "summary_csf_k": 41.25864911043721,
  "summary_csf_mad": 112.69367237473034,
  "summary_csf_mean": 326.58624267578125,
  "summary_csf_median": 346.32086181640625,
  "summary_csf_n": 5760.0,
  "summary_csf_p05": 103.8140308380127,
  "summary_csf_p95": 488.4960159301758,
  "summary_csf_stdv": 142.61297607421875,
  "summary_gm_k": 0.5413657658677864,
  "summary_gm_mad": 78.84079352347017,
  "summary_gm_mean": 617.239990234375,
  "summary_gm_median": 610.8016357421875,
  "summary_gm_n": 24194.0,
  "summary_gm_p05": 489.34705810546876,
  "summary_gm_p95": 768.7795654296874,
  "summary_gm_stdv": 84.71976470947266,
  "summary_wm_k": 0.934903223391236,
  "summary_wm_mad": 46.20897568819877,
  "summary_wm_mean": 998.1088256835938,
  "summary_wm_median": 999.9706420898438,
  "summary_wm_n": 212503.0,
  "summary_wm_p05": 911.3031005859375,
  "summary_wm_p95": 1077.6045166015624,
  "summary_wm_stdv": 50.87095642089844,
  "tpm_overlap_csf": 0.1623164564371109,
  "tpm_overlap_gm": 0.4489673972129822,
  "tpm_overlap_wm": 0.5008731484413147,
  "wm2max": 0.7093718536592835
}