{
  "aor": 0.014051777777777778,
  "aqi": 0.01084805037037037,
  "bids_meta": {
    "AcquisitionNumber": 5,
    "BidsifyVersion": "0.3.5",
    "ConversionSoftware": "dcm2niix",
    "ConversionSoftwareVersion": "v1.0.20181125  GCC6.3.0",
    "EchoTime": 0.02762,
    "EffectiveEchoSpacing": 0.0006621159151938905,
    "ImageComments": "PIOP",
    "ImageOrientationPatientDICOM": [
      0.999044,
      0.0328783,
      0.0288156,
      -0.0230204,
      0.955954,
      -0.292612
    ],
    "Manufacturer": "Philips",
    "NumberOfVolumesDiscardedByScanner": 2,
    "ParallelAcquisitionTechnique": "SENSE",
    "ParallelReductionFactorInPlane": 2,
    "PatientPosition": "HFS",
    "PhaseEncodingDirection": "j",
    "PhilipsRescaleIntercept": 0,
    "PhilipsRescaleSlope": 0.74188,
    "PhilipsScaleSlope": 0.0541516,
    "ProtocolName": "WIPpiopharririSENSE",
    "PulseSequenceType": "gradient echo EPI",
    "ReconMatrixPE": 80,
    "RepetitionTime": 2,
    "SeriesDescription": "ImageMRSERIES",
    "SeriesNumber": 5,
    "SliceEncodingDirection": "k",
    "SliceTiming": [
      0.0,
      0.0541,
      0.1081,
      0.1622,
      0.2162,
      0.2703,
      0.3243,
      0.3784,
      0.4324,
      0.4865,
      0.5405,
      0.5946,
      0.6486,
      0.7027,
      0.7568,
      0.8108,
      0.8649,
      0.9189,
      0.973,
      1.027,
      1.0811,
      1.1351,
      1.1892,
      1.2432,
      1.2973,
      1.3514,
      1.4054,
      1.4595,
      1.5135,
      1.5676,
      1.6216,
      1.6757,
      1.7297,
      1.7838,
      1.8378,
      1.8919,
      1.9459
    ],
    "TaskName": "emomatching",
    "TotalReadoutTime": 0.025822520692561732,
    "UsePhilipsFloatNotDisplayScaling": 1,
    "acq_id": "seq",
    "dataset": "ds002785",
    "modality": "bold",
    "subject_id": "0130",
    "task_id": "emomatching"
  },
  "dummy_trs": 0,
  "dvars_nstd": 26.30942471380597,
  "dvars_std": 1.183822035,
  "dvars_vstd": 1.0012097630597014,
  "efc": 0.4210375127333594,
  "fber": 166297.09375,
  "fd_mean": 0.23640823511760378,
  "fd_num": 32,
  "fd_perc": 23.703703703703702,
  "fwhm_avg": 1.9007302107817747,
  "fwhm_x": 1.84744,
  "fwhm_y": 2.03569,
  "fwhm_z": 1.8190606323453244,
  "gcor": 0.0128639,
  "gsr_x": -0.01915944181382656,
  "gsr_y": 0.015079157426953316,
  "provenance": {
    "md5sum": "44e0f6d718cbf430226bc6b9a579edc2",
    "settings": {
      "fd_thres": 0.2,
      "testing": false
    },
    "software": "mriqc",
    "version": "22.0.0rc1",
    "webapi_port": null,
    "webapi_url": "https://mriqc.nimh.nih.gov/api/v1"
  },
  "size_t": 135,
  "size_x": 80,
  "size_y": 80,
  "size_z": 37,
  "snr": 4.9573061585902645,
  "spacing_tr": 2.0,
  "spacing_x": 3.0,
  "spacing_y": 3.0,
  "spacing_z": 3.299999952316284,
  "summary_bg_k": 59.55838556167403,
  "summary_bg_mad": 57.50962957427925,
  "summary_bg_mean": 511.2505187988281,
  "summary_bg_median": 56.86626052856445,
  "summary_bg_n": 160195.0,
  "summary_bg_p05": 5.965680742263794,
  "summary_bg_p95": 2579.502978515623,
  "summary_bg_stdv": 1566.1707763671875,
  "summary_fg_k": 1.3255964820154702,
  "summary_fg_mad": 4328.2023546708,
  "summary_fg_mean": 24254.755859375,
  "summary_fg_median": 23812.146484375,
  "summary_fg_n": 35147.0,
  "summary_fg_p05": 17097.9400390625,
  "summary_fg_p95": 32613.860937499998,
  "summary_fg_stdv": 4803.37646484375,
  "tsnr": 48.131019592285156
}