{
  "aor": 0.004495987654320987,
  "aqi": 0.021014384567901234,
  "bids_meta": {
    "AcquisitionNumber": 8,
    "BidsifyVersion": "0.3.5",
    "ConversionSoftware": "dcm2niix",
    "ConversionSoftwareVersion": "v1.0.20181125  GCC6.3.0",
    "EchoTime": 0.02762,
    "EffectiveEchoSpacing": 0.0006621159151938905,
    "ImageComments": "PIOP",
    "ImageOrientationPatientDICOM": [
      0.999044,
      0.0328783,
      0.0288156,
      -0.0230204,
      0.955954,
      -0.292612
    ],
    "Manufacturer": "Philips",
    "NumberOfVolumesDiscardedByScanner": 2,
    "ParallelAcquisitionTechnique": "SENSE",
    "ParallelReductionFactorInPlane": 2,
    "PatientPosition": "HFS",
    "PhaseEncodingDirection": "j",
    "PhilipsRescaleIntercept": 0,
    "PhilipsRescaleSlope": 0.81368,
    "PhilipsScaleSlope": 0.0551918,
    "ProtocolName": "WIPpiopwmSENSE",
    "PulseSequenceType": "gradient echo EPI",
    "ReconMatrixPE": 80,
    "RepetitionTime": 2,
    "SeriesDescription": "ImageMRSERIES",
    "SeriesNumber": 8,
    "SliceEncodingDirection": "k",
    "SliceTiming": [
      0.0,
      0.0541,
      0.1081,
      0.1622,
      0.2162,
      0.2703,
      0.3243,
      0.3784,
      0.4324,
      0.4865,
      0.5405,
      0.5946,
      0.6486,
      0.7027,
      0.7568,
      0.8108,
      0.8649,
      0.9189,
      0.973,
      1.027,
      1.0811,
      1.1351,
      1.1892,
      1.2432,
      1.2973,
      1.3514,
      1.4054,
      1.4595,
      1.5135,
      1.5676,
      1.6216,
      1.6757,
      1.7297,
      1.7838,
      1.8378,
      1.8919,
      1.9459
    ],
    "TaskName": "workingmemory",
    "TotalReadoutTime": 0.025822520692561732,
    "UsePhilipsFloatNotDisplayScaling": 1,
    "acq_id": "seq",
    "dataset": "ds002785",
    "modality": "bold",
    "subject_id": "0130",
    "task_id": "workingmemory"
  },
  "dummy_trs": 0,
  "dvars_nstd": 30.982647463291926,
  "dvars_std": 1.0071094367080746,
  "dvars_vstd": 0.8907137714285712,
  "efc": 0.42243787343121664,
  "fber": 152631.171875,
  "fd_mean": 0.3849365578943228,
  "fd_num": 70,
  "fd_perc": 43.20987654320987,
  "fwhm_avg": 1.9528492010201555,
  "fwhm_x": 1.8840866666666667,
  "fwhm_y": 2.0849366666666667,
  "fwhm_z": 1.8895242697271328,
  "gcor": 0.0203648,
  "gsr_x": -0.01890845224261284,
  "gsr_y": 0.0160809438675642,
  "provenance": {
    "md5sum": "dda3d146c9a95cd42dc30735c50cd0bd",
    "settings": {
      "fd_thres": 0.2,
      "testing": false
    },
    "software": "mriqc",
    "version": "22.0.0rc1",
    "webapi_port": null,
    "webapi_url": "https://mriqc.nimh.nih.gov/api/v1"
  },
  "size_t": 162,
  "size_x": 80,
  "size_y": 80,
  "size_z": 37,
  "snr": 4.930443149305212,
  "spacing_tr": 2.0,
  "spacing_x": 3.0,
  "spacing_y": 3.0,
  "spacing_z": 3.299999952316284,
  "summary_bg_k": 34.79490716042168,
  "summary_bg_mad": 57.714749726793755,
  "summary_bg_mean": 503.7497253417969,
  "summary_bg_median": 58.4462890625,
  "summary_bg_n": 160086.0,
  "summary_bg_p05": 7.433463215827942,
  "summary_bg_p95": 2572.853759765625,
  "summary_bg_stdv": 1475.6126708984375,
  "summary_fg_k": 1.2547510555122772,
  "summary_fg_mad": 4314.79812484763,
  "summary_fg_mean": 23876.69921875,
  "summary_fg_median": 23407.859375,
  "summary_fg_n": 35194.0,
  "summary_fg_p05": 16866.7318359375,
  "summary_fg_p95": 32119.617968749993,
  "summary_fg_stdv": 4747.55029296875,
  "tsnr": 34.77022171020508
}