{
  "aor": 0.005497449999999999,
  "aqi": 0.026443341999999998,
  "bids_meta": {
    "AcquisitionNumber": 9,
    "BidsifyVersion": "0.3.5",
    "ConversionSoftware": "dcm2niix",
    "ConversionSoftwareVersion": "v1.0.20181125  GCC6.3.0",
    "EchoTime": 0.02762,
    "EffectiveEchoSpacing": 0.0006621159151938905,
    "ImageComments": "PIOP",
    "ImageOrientationPatientDICOM": [
      0.999044,
      0.0328783,
      0.0288156,
      -0.0230204,
      0.955954,
      -0.292612
    ],
    "Manufacturer": "Philips",
    "NumberOfVolumesDiscardedByScanner": 2,
    "ParallelAcquisitionTechnique": "SENSE",
    "ParallelReductionFactorInPlane": 2,
    "PatientPosition": "HFS",
    "PhaseEncodingDirection": "j",
    "PhilipsRescaleIntercept": 0,
    "PhilipsRescaleSlope": 0.7685,
    "PhilipsScaleSlope": 0.0573955,
    "ProtocolName": "WIPpiopanticipatieSENSE",
    "PulseSequenceType": "gradient echo EPI",
    "ReconMatrixPE": 80,
    "RepetitionTime": 2,
    "SeriesDescription": "ImageMRSERIES",
    "SeriesNumber": 9,
    "SliceEncodingDirection": "k",
    "SliceTiming": [
      0.0,
      0.0541,
      0.1081,
      0.1622,
      0.2162,
      0.2703,
      0.3243,
      0.3784,
      0.4324,
      0.4865,
      0.5405,
      0.5946,
      0.6486,
      0.7027,
      0.7568,
      0.8108,
      0.8649,
      0.9189,
      0.973,
      1.027,
      1.0811,
      1.1351,
      1.1892,
      1.2432,
      1.2973,
      1.3514,
      1.4054,
      1.4595,
      1.5135,
      1.5676,
      1.6216,
      1.6757,
      1.7297,
      1.7838,
      1.8378,
      1.8919,
      1.9459
    ],
    "TaskName": "anticipation",
    "TotalReadoutTime": 0.025822520692561732,
    "UsePhilipsFloatNotDisplayScaling": 1,
    "acq_id": "seq",
    "dataset": "ds002785",
    "modality": "bold",
    "subject_id": "0130",
    "task_id": "anticipation"
  },
  "dummy_trs": 0,
  "dvars_nstd": 44.20313026216085,
  "dvars_std": 1.0357436786432166,
  "dvars_vstd": 0.9224432083417081,
  "efc": 0.4192252454696751,
  "fber": 157438.171875,
  "fd_mean": 0.7984705229546839,
  "fd_num": 147,
  "fd_perc": 73.5,
  "fwhm_avg": 1.9285029381533285,
  "fwhm_x": 1.8741566666666667,
  "fwhm_y": 2.0717733333333332,
  "fwhm_z": 1.839578814459986,
  "gcor": 0.0169434,
  "gsr_x": -0.017606358975172043,
  "gsr_y": 0.014421622268855572,
  "provenance": {
    "md5sum": "c8b87dada1c6e5b46d5e7d781238aafe",
    "settings": {
      "fd_thres": 0.2,
      "testing": false
    },
    "software": "mriqc",
    "version": "22.0.0rc1",
    "webapi_port": null,
    "webapi_url": "https://mriqc.nimh.nih.gov/api/v1"
  },
  "size_t": 200,
  "size_x": 80,
  "size_y": 80,
  "size_z": 37,
  "snr": 5.032219444663561,
  "spacing_tr": 2.0,
  "spacing_x": 3.0,
  "spacing_y": 3.0,
  "spacing_z": 3.299999952316284,
  "summary_bg_k": 37.99520477593146,
  "summary_bg_mad": 58.75860701998048,
  "summary_bg_mean": 483.23736572265625,
  "summary_bg_median": 58.48564910888672,
  "summary_bg_n": 160667.0,
  "summary_bg_p05": 8.189896583557129,
  "summary_bg_p95": 2463.8103027343723,
  "summary_bg_stdv": 1423.881591796875,
  "summary_fg_k": 1.2952261129769882,
  "summary_fg_mad": 4293.886773439548,
  "summary_fg_mean": 24041.03515625,
  "summary_fg_median": 23566.318359375,
  "summary_fg_n": 34772.0,
  "summary_fg_p05": 17218.8947265625,
  "summary_fg_p95": 32177.78515625,
  "summary_fg_stdv": 4683.01904296875,
  "tsnr": 29.317197799682617
}