{
  "aor": 0.006503306122448979,
  "aqi": 0.006473417632653061,
  "bids_meta": {
    "AcquisitionNumber": 3,
    "BidsifyVersion": "0.3.5",
    "ConversionSoftware": "dcm2niix",
    "ConversionSoftwareVersion": "v1.0.20181125  GCC6.3.0",
    "EchoTime": 0.02762,
    "EffectiveEchoSpacing": 0.0006621159151938905,
    "ImageComments": "PIOP",
    "ImageOrientationPatientDICOM": [
      0.999044,
      0.0328783,
      0.0288156,
      -0.0230204,
      0.955954,
      -0.292612
    ],
    "Manufacturer": "Philips",
    "NumberOfVolumesDiscardedByScanner": 2,
    "ParallelAcquisitionTechnique": "SENSE",
    "ParallelReductionFactorInPlane": 2,
    "PatientPosition": "HFS",
    "PhaseEncodingDirection": "j",
    "PhilipsRescaleIntercept": 0,
    "PhilipsRescaleSlope": 0.88669,
    "PhilipsScaleSlope": 0.0508136,
    "ProtocolName": "WIPpiopgstroopSENSE",
    "PulseSequenceType": "gradient echo EPI",
    "ReconMatrixPE": 80,
    "RepetitionTime": 2,
    "SeriesDescription": "ImageMRSERIES",
    "SeriesNumber": 3,
    "SliceEncodingDirection": "k",
    "SliceTiming": [
      0.0,
      0.0541,
      0.1081,
      0.1622,
      0.2162,
      0.2703,
      0.3243,
      0.3784,
      0.4324,
      0.4865,
      0.5405,
      0.5946,
      0.6486,
      0.7027,
      0.7568,
      0.8108,
      0.8649,
      0.9189,
      0.973,
      1.027,
      1.0811,
      1.1351,
      1.1892,
      1.2432,
      1.2973,
      1.3514,
      1.4054,
      1.4595,
      1.5135,
      1.5676,
      1.6216,
      1.6757,
      1.7297,
      1.7838,
      1.8378,
      1.8919,
      1.9459
    ],
    "TaskName": "gstroop",
    "TotalReadoutTime": 0.025822520692561732,
    "UsePhilipsFloatNotDisplayScaling": 1,
    "acq_id": "seq",
    "dataset": "ds002785",
    "modality": "bold",
    "subject_id": "0130",
    "task_id": "gstroop"
  },
  "dummy_trs": 0,
  "dvars_nstd": 24.906606760245904,
  "dvars_std": 1.3168999515573765,
  "dvars_vstd": 1.0418048388114747,
  "efc": 0.4203743674875688,
  "fber": 164500.5,
  "fd_mean": 0.14543848325495465,
  "fd_num": 34,
  "fd_perc": 13.877551020408163,
  "fwhm_avg": 1.9119198068107874,
  "fwhm_x": 1.8613466666666667,
  "fwhm_y": 2.04094,
  "fwhm_z": 1.8334727537656952,
  "gcor": 0.019272,
  "gsr_x": -0.02055272087454796,
  "gsr_y": 0.012812328524887562,
  "provenance": {
    "md5sum": "80ff1f21900f9cc2441b1c8cb5482ce2",
    "settings": {
      "fd_thres": 0.2,
      "testing": false
    },
    "software": "mriqc",
    "version": "22.0.0rc1",
    "webapi_port": null,
    "webapi_url": "https://mriqc.nimh.nih.gov/api/v1"
  },
  "size_t": 245,
  "size_x": 80,
  "size_y": 80,
  "size_z": 37,
  "snr": 4.871678788864311,
  "spacing_tr": 2.0,
  "spacing_x": 3.0,
  "spacing_y": 3.0,
  "spacing_z": 3.299999952316284,
  "summary_bg_k": 51.94692946378003,
  "summary_bg_mad": 59.59222859933283,
  "summary_bg_mean": 532.0203857421875,
  "summary_bg_median": 57.88481903076172,
  "summary_bg_n": 160627.0,
  "summary_bg_p05": 4.923433780670166,
  "summary_bg_p95": 2727.7174560546837,
  "summary_bg_stdv": 1614.8087158203125,
  "summary_fg_k": 1.369374389367505,
  "summary_fg_mad": 4511.186452504191,
  "summary_fg_mean": 24764.6640625,
  "summary_fg_median": 24264.373046875,
  "summary_fg_n": 34778.0,
  "summary_fg_p05": 17290.21943359375,
  "summary_fg_p95": 33301.16796875,
  "summary_fg_stdv": 4980.62890625,
  "tsnr": 62.00770568847656
}