{
  "aor": 0.003116969696969697,
  "aqi": 0.005499700757575758,
  "bids_meta": {
    "AcquisitionNumber": 5,
    "BidsifyVersion": "0.3.5",
    "ConversionSoftware": "dcm2niix",
    "ConversionSoftwareVersion": "v1.0.20181125  GCC6.3.0",
    "EchoTime": 0.02762,
    "EffectiveEchoSpacing": 0.0006621159151938905,
    "ImageComments": "piop",
    "ImageOrientationPatientDICOM": [
      0.999239,
      0.0255452,
      0.0294888,
      -0.0129063,
      0.929717,
      -0.368049
    ],
    "Manufacturer": "Philips",
    "NumberOfVolumesDiscardedByScanner": 2,
    "ParallelAcquisitionTechnique": "SENSE",
    "ParallelReductionFactorInPlane": 2,
    "PatientPosition": "HFS",
    "PhaseEncodingDirection": "j",
    "PhilipsRescaleIntercept": 0,
    "PhilipsRescaleSlope": 0.78632,
    "PhilipsScaleSlope": 0.0573347,
    "ProtocolName": "WIPpiopharririSENSE",
    "PulseSequenceType": "gradient echo EPI",
    "ReconMatrixPE": 80,
    "RepetitionTime": 2,
    "SeriesDescription": "ImageMRSERIES",
    "SeriesNumber": 5,
    "SliceEncodingDirection": "k",
    "SliceTiming": [
      0.0,
      0.0541,
      0.1081,
      0.1622,
      0.2162,
      0.2703,
      0.3243,
      0.3784,
      0.4324,
      0.4865,
      0.5405,
      0.5946,
      0.6486,
      0.7027,
      0.7568,
      0.8108,
      0.8649,
      0.9189,
      0.973,
      1.027,
      1.0811,
      1.1351,
      1.1892,
      1.2432,
      1.2973,
      1.3514,
      1.4054,
      1.4595,
      1.5135,
      1.5676,
      1.6216,
      1.6757,
      1.7297,
      1.7838,
      1.8378,
      1.8919,
      1.9459
    ],
    "TaskName": "emomatching",
    "TotalReadoutTime": 0.025822520692561732,
    "UsePhilipsFloatNotDisplayScaling": 1,
    "acq_id": "seq",
    "dataset": "ds002785",
    "modality": "bold",
    "subject_id": "0025",
    "task_id": "emomatching"
  },
  "dummy_trs": 3,
  "dvars_nstd": 23.64515831641221,
  "dvars_std": 1.3206568850381677,
  "dvars_vstd": 1.0083369948854963,
  "efc": 0.42852326589550777,
  "fber": 170828.53125,
  "fd_mean": 0.1421855706775581,
  "fd_num": 25,
  "fd_perc": 18.939393939393938,
  "fwhm_avg": 1.7837956647460487,
  "fwhm_x": 1.7656,
  "fwhm_y": 1.88739,
  "fwhm_z": 1.6983969942381454,
  "gcor": 0.0408763,
  "gsr_x": -0.014806524850428104,
  "gsr_y": 0.018310148268938065,
  "provenance": {
    "md5sum": "6c55b2664052ff9d876e3eb491c14e66",
    "settings": {
      "fd_thres": 0.2,
      "testing": false
    },
    "software": "mriqc",
    "version": "22.0.0rc1",
    "webapi_port": null,
    "webapi_url": "https://mriqc.nimh.nih.gov/api/v1"
  },
  "size_t": 132,
  "size_x": 80,
  "size_y": 80,
  "size_z": 37,
  "snr": 5.290989876182083,
  "spacing_tr": 2.0,
  "spacing_x": 3.0,
  "spacing_y": 3.0,
  "spacing_z": 3.299999952316284,
  "summary_bg_k": 134.60692785276447,
  "summary_bg_mad": 61.925716356205626,
  "summary_bg_mean": 547.126708984375,
  "summary_bg_median": 62.536590576171875,
  "summary_bg_n": 158236.0,
  "summary_bg_p05": 5.439218044281006,
  "summary_bg_p95": 2981.5299072265625,
  "summary_bg_stdv": 1724.01171875,
  "summary_fg_k": 2.804619384664427,
  "summary_fg_mad": 4540.020459517413,
  "summary_fg_mean": 26739.150390625,
  "summary_fg_median": 26183.09375,
  "summary_fg_n": 37263.0,
  "summary_fg_p05": 20135.514453125,
  "summary_fg_p95": 34980.03671875,
  "summary_fg_stdv": 4948.552734375,
  "tsnr": 76.21424865722656
}