{
  "bids_meta": {
    "AcquisitionNumber": 4,
    "BidsifyVersion": "0.3.5",
    "ConversionSoftware": "dcm2niix",
    "ConversionSoftwareVersion": "v1.0.20181125  GCC6.3.0",
    "EchoTime": 0.00374,
    "ImageComments": "PIOP",
    "ImageOrientationPatientDICOM": [
      0.995996,
      0.0597663,
      -0.0664817,
      -0.0605688,
      0.998113,
      -0.0101199
    ],
    "Manufacturer": "Philips",
    "PatientPosition": "HFS",
    "PhilipsRescaleIntercept": 0,
    "PhilipsRescaleSlope": 8.84835,
    "PhilipsScaleSlope": 0.00758984,
    "ProtocolName": "WIPt13dSENSE",
    "ReconMatrixPE": 240,
    "RepetitionTime": 0.008168,
    "SeriesDescription": "ImageMRSERIES",
    "SeriesNumber": 4,
    "UsePhilipsFloatNotDisplayScaling": 1,
    "dataset": "ds002785",
    "modality": "T1w",
    "subject_id": "0172"
  },
  "cjv": 0.3404621691186147,
  "cnr": 3.7128883936349713,
  "efc": 0.7557735373731854,
  "fber": 1531.2940673828125,
  "fwhm_avg": 3.341886666666667,
  "fwhm_x": 3.34892,
  "fwhm_y": 3.52447,
  "fwhm_z": 3.15227,
  "icvs_csf": 0.20938000958394648,
  "icvs_gm": 0.42223386304582294,
  "icvs_wm": 0.3683861273702306,
  "inu_med": 1.767218828201294,
  "inu_range": 0.4438497066497804,
  "provenance": {
    "md5sum": "dfa56f98abbdd09c1c6e1fd47251d560",
    "settings": {
      "testing": false
    },
    "software": "mriqc",
    "version": "22.0.0rc1",
    "warnings": {
      "large_rot_frame": true,
      "small_air_mask": true
    },
    "webapi_port": null,
    "webapi_url": "https://mriqc.nimh.nih.gov/api/v1"
  },
  "qi_1": 0.0,
  "qi_2": 0.00018561071345290942,
  "rpve_csf": 30.341561531704585,
  "rpve_gm": 16.037164153854828,
  "rpve_wm": 23.726002735288418,
  "size_x": 240,
  "size_y": 240,
  "size_z": 220,
  "snr_csf": 2.5068378025459546,
  "snr_gm": 7.295034083066697,
  "snr_total": 10.073993062629642,
  "snr_wm": 20.420107302276275,
  "snrd_csf": 25.718308284487275,
  "snrd_gm": 43.743071826007565,
  "snrd_total": 46.33249374079444,
  "snrd_wm": 69.53610111188848,
  "spacing_x": 1.0,
  "spacing_y": 1.0,
  "spacing_z": 1.0,
  "summary_bg_k": 47.68076723633483,
  "summary_bg_mad": 9.421443668921118,
  "summary_bg_mean": 14.696579933166504,
  "summary_bg_median": 12.648344993591309,
  "summary_bg_n": 161614.0,
  "summary_bg_p05": 0.0,
  "summary_bg_p95": 37.90080299377441,
  "summary_bg_stdv": 12.119678497314453,
  "summary_csf_k": 89.5877315135433,
  "summary_csf_mad": 78.15066499445204,
  "summary_csf_mean": 360.6786804199219,
  "summary_csf_median": 369.8521423339844,
  "summary_csf_n": 2733.0,
  "summary_csf_p05": 147.0973114013672,
  "summary_csf_p95": 494.38205566406253,
  "summary_csf_stdv": 147.5103302001953,
  "summary_gm_k": 0.2540353124153576,
  "summary_gm_mad": 82.15628807204358,
  "summary_gm_mean": 632.9321899414062,
  "summary_gm_median": 629.0642700195312,
  "summary_gm_n": 16487.0,
  "summary_gm_p05": 496.2994079589844,
  "summary_gm_p95": 782.1696044921874,
  "summary_gm_stdv": 86.22923278808594,
  "summary_wm_k": 1.0680887482991857,
  "summary_wm_mad": 44.13021969677355,
  "summary_wm_mean": 997.238037109375,
  "summary_wm_median": 999.990966796875,
  "summary_wm_n": 174594.0,
  "summary_wm_p05": 911.742709350586,
  "summary_wm_p95": 1071.6390441894532,
  "summary_wm_stdv": 48.97075653076172,
  "tpm_overlap_csf": 0.14664702117443085,
  "tpm_overlap_gm": 0.43679821491241455,
  "tpm_overlap_wm": 0.503692626953125,
  "wm2max": 0.6447308132788754
}