{
  "aor": 0.0191567,
  "aqi": 0.016438572499999998,
  "bids_meta": {
    "AcquisitionNumber": 9,
    "BidsifyVersion": "0.3.5",
    "ConversionSoftware": "dcm2niix",
    "ConversionSoftwareVersion": "v1.0.20181125  GCC6.3.0",
    "EchoTime": 0.02762,
    "EffectiveEchoSpacing": 0.0006621159151938905,
    "ImageComments": "PIOP",
    "ImageOrientationPatientDICOM": [
      0.999552,
      0.00464089,
      0.0295513,
      0.00383802,
      0.95983,
      -0.280555
    ],
    "Manufacturer": "Philips",
    "NumberOfVolumesDiscardedByScanner": 2,
    "ParallelAcquisitionTechnique": "SENSE",
    "ParallelReductionFactorInPlane": 2,
    "PatientPosition": "HFS",
    "PhaseEncodingDirection": "j",
    "PhilipsRescaleIntercept": 0,
    "PhilipsRescaleSlope": 0.78877,
    "PhilipsScaleSlope": 0.0533853,
    "ProtocolName": "WIPpiopanticipatieSENSE",
    "PulseSequenceType": "gradient echo EPI",
    "ReconMatrixPE": 80,
    "RepetitionTime": 2,
    "SeriesDescription": "ImageMRSERIES",
    "SeriesNumber": 9,
    "SliceEncodingDirection": "k",
    "SliceTiming": [
      0.0,
      0.0541,
      0.1081,
      0.1622,
      0.2162,
      0.2703,
      0.3243,
      0.3784,
      0.4324,
      0.4865,
      0.5405,
      0.5946,
      0.6486,
      0.7027,
      0.7568,
      0.8108,
      0.8649,
      0.9189,
      0.973,
      1.027,
      1.0811,
      1.1351,
      1.1892,
      1.2432,
      1.2973,
      1.3514,
      1.4054,
      1.4595,
      1.5135,
      1.5676,
      1.6216,
      1.6757,
      1.7297,
      1.7838,
      1.8378,
      1.8919,
      1.9459
    ],
    "TaskName": "anticipation",
    "TotalReadoutTime": 0.025822520692561732,
    "UsePhilipsFloatNotDisplayScaling": 1,
    "acq_id": "seq",
    "dataset": "ds002785",
    "modality": "bold",
    "subject_id": "0121",
    "task_id": "anticipation"
  },
  "dummy_trs": 0,
  "dvars_nstd": 31.38664351969849,
  "dvars_std": 1.2061502472864316,
  "dvars_vstd": 1.0389203104020106,
  "efc": 0.43490692574215994,
  "fber": 151149.15625,
  "fd_mean": 0.37057211206541824,
  "fd_num": 79,
  "fd_perc": 39.5,
  "fwhm_avg": 1.8299886952642612,
  "fwhm_x": 1.7632566666666667,
  "fwhm_y": 1.9836366666666667,
  "fwhm_z": 1.7430727524594503,
  "gcor": 0.016761,
  "gsr_x": -0.018713822588324547,
  "gsr_y": 0.020604658871889114,
  "provenance": {
    "md5sum": "5b47071fd595db8f75e6f4d0b97f0700",
    "settings": {
      "fd_thres": 0.2,
      "testing": false
    },
    "software": "mriqc",
    "version": "22.0.0rc1",
    "webapi_port": null,
    "webapi_url": "https://mriqc.nimh.nih.gov/api/v1"
  },
  "size_t": 200,
  "size_x": 80,
  "size_y": 80,
  "size_z": 37,
  "snr": 5.25825971085622,
  "spacing_tr": 2.0,
  "spacing_x": 3.0,
  "spacing_y": 3.0,
  "spacing_z": 3.299999952316284,
  "summary_bg_k": 54.892959744518734,
  "summary_bg_mad": 69.26100428517539,
  "summary_bg_mean": 810.0625,
  "summary_bg_median": 66.54138946533203,
  "summary_bg_n": 160095.0,
  "summary_bg_p05": 6.674869632720948,
  "summary_bg_p95": 4589.444531249966,
  "summary_bg_stdv": 2318.80859375,
  "summary_fg_k": 2.754534082062256,
  "summary_fg_mad": 4337.118237934039,
  "summary_fg_mean": 27073.119140625,
  "summary_fg_median": 26430.109375,
  "summary_fg_n": 35649.0,
  "summary_fg_p05": 20419.415625,
  "summary_fg_p95": 35503.7953125,
  "summary_fg_stdv": 5026.328125,
  "tsnr": 41.69320297241211
}