{
  "aor": 0.005575037037037037,
  "aqi": 0.010199337185185186,
  "bids_meta": {
    "AcquisitionNumber": 5,
    "BidsifyVersion": "0.3.5",
    "ConversionSoftware": "dcm2niix",
    "ConversionSoftwareVersion": "v1.0.20181125  GCC6.3.0",
    "EchoTime": 0.02762,
    "EffectiveEchoSpacing": 0.0006621159151938905,
    "ImageComments": "PIOP",
    "ImageOrientationPatientDICOM": [
      0.999552,
      0.00464089,
      0.0295513,
      0.00383802,
      0.95983,
      -0.280555
    ],
    "Manufacturer": "Philips",
    "NumberOfVolumesDiscardedByScanner": 2,
    "ParallelAcquisitionTechnique": "SENSE",
    "ParallelReductionFactorInPlane": 2,
    "PatientPosition": "HFS",
    "PhaseEncodingDirection": "j",
    "PhilipsRescaleIntercept": 0,
    "PhilipsRescaleSlope": 0.78217,
    "PhilipsScaleSlope": 0.0496494,
    "ProtocolName": "WIPpiopharririSENSE",
    "PulseSequenceType": "gradient echo EPI",
    "ReconMatrixPE": 80,
    "RepetitionTime": 2,
    "SeriesDescription": "ImageMRSERIES",
    "SeriesNumber": 5,
    "SliceEncodingDirection": "k",
    "SliceTiming": [
      0.0,
      0.0541,
      0.1081,
      0.1622,
      0.2162,
      0.2703,
      0.3243,
      0.3784,
      0.4324,
      0.4865,
      0.5405,
      0.5946,
      0.6486,
      0.7027,
      0.7568,
      0.8108,
      0.8649,
      0.9189,
      0.973,
      1.027,
      1.0811,
      1.1351,
      1.1892,
      1.2432,
      1.2973,
      1.3514,
      1.4054,
      1.4595,
      1.5135,
      1.5676,
      1.6216,
      1.6757,
      1.7297,
      1.7838,
      1.8378,
      1.8919,
      1.9459
    ],
    "TaskName": "emomatching",
    "TotalReadoutTime": 0.025822520692561732,
    "UsePhilipsFloatNotDisplayScaling": 1,
    "acq_id": "seq",
    "dataset": "ds002785",
    "modality": "bold",
    "subject_id": "0121",
    "task_id": "emomatching"
  },
  "dummy_trs": 0,
  "dvars_nstd": 24.626630811567157,
  "dvars_std": 1.1618291671641787,
  "dvars_vstd": 0.963876639328358,
  "efc": 0.43418418377867596,
  "fber": 159602.5,
  "fd_mean": 0.16939881319354033,
  "fd_num": 23,
  "fd_perc": 17.037037037037038,
  "fwhm_avg": 1.8319566749800096,
  "fwhm_x": 1.7837766666666666,
  "fwhm_y": 1.9860933333333335,
  "fwhm_z": 1.7260000249400287,
  "gcor": 0.0183588,
  "gsr_x": -0.018786774948239326,
  "gsr_y": 0.01927085593342781,
  "provenance": {
    "md5sum": "aaa6d149ac42c6605b75bf9c6c0e8061",
    "settings": {
      "fd_thres": 0.2,
      "testing": false
    },
    "software": "mriqc",
    "version": "22.0.0rc1",
    "webapi_port": null,
    "webapi_url": "https://mriqc.nimh.nih.gov/api/v1"
  },
  "size_t": 135,
  "size_x": 80,
  "size_y": 80,
  "size_z": 37,
  "snr": 5.175094517279083,
  "spacing_tr": 2.0,
  "spacing_x": 3.0,
  "spacing_y": 3.0,
  "spacing_z": 3.299999952316284,
  "summary_bg_k": 53.159633987696,
  "summary_bg_mad": 68.2524638771871,
  "summary_bg_mean": 802.1616821289062,
  "summary_bg_median": 65.2950668334961,
  "summary_bg_n": 159996.0,
  "summary_bg_p05": 5.267673373222351,
  "summary_bg_p95": 4567.8292236328125,
  "summary_bg_stdv": 2301.35009765625,
  "summary_fg_k": 2.5020792468762707,
  "summary_fg_mad": 4505.926399906701,
  "summary_fg_mean": 27412.482421875,
  "summary_fg_median": 26756.92578125,
  "summary_fg_n": 35613.0,
  "summary_fg_p05": 20449.22265625,
  "summary_fg_p95": 36086.87890625,
  "summary_fg_stdv": 5170.25341796875,
  "tsnr": 55.55183410644531
}