{
  "aor": 0.001651878787878788,
  "aqi": 0.009912968121212121,
  "bids_meta": {
    "AcquisitionNumber": 2,
    "BidsifyVersion": "0.3.5",
    "ConversionSoftware": "dcm2niix",
    "ConversionSoftwareVersion": "v1.0.20181125  GCC6.3.0",
    "EchoTime": 0.02762,
    "EffectiveEchoSpacing": 0.0006333282667071997,
    "ImageComments": "PIOP",
    "ImageOrientationPatientDICOM": [
      0.999552,
      0.00464089,
      0.0295513,
      0.00383802,
      0.95983,
      -0.280555
    ],
    "Manufacturer": "Philips",
    "NumberOfVolumesDiscardedByScanner": 2,
    "ParallelAcquisitionTechnique": "SENSE",
    "ParallelReductionFactorInPlane": 2,
    "PatientPosition": "HFS",
    "PhaseEncodingDirection": "j",
    "PhilipsRescaleIntercept": 0,
    "PhilipsRescaleSlope": 0.78974,
    "PhilipsScaleSlope": 0.0853475,
    "ProtocolName": "WIPpiopfacesSENSE",
    "PulseSequenceType": "gradient echo EPI",
    "ReconMatrixPE": 80,
    "RepetitionTime": 0.75,
    "SeriesDescription": "ImageMRSERIES",
    "SeriesNumber": 2,
    "SliceEncodingDirection": "k",
    "SliceTiming": [
      0.0,
      0.06755050505050506,
      0.1351010101010101,
      0.20265151515151517,
      0.2702020202020202,
      0.3377525252525253,
      0.40530303030303033,
      0.47285353535353536,
      0.5404040404040404,
      0.6079545454545455,
      0.6755050505050506,
      0.7430555555555556,
      0.0,
      0.06755050505050506,
      0.1351010101010101,
      0.20265151515151517,
      0.2702020202020202,
      0.3377525252525253,
      0.40530303030303033,
      0.47285353535353536,
      0.5404040404040404,
      0.6079545454545455,
      0.6755050505050506,
      0.7430555555555556,
      0.0,
      0.06755050505050506,
      0.1351010101010101,
      0.20265151515151517,
      0.2702020202020202,
      0.3377525252525253,
      0.40530303030303033,
      0.47285353535353536,
      0.5404040404040404,
      0.6079545454545455,
      0.6755050505050506,
      0.7430555555555556
    ],
    "TaskName": "faces",
    "TotalReadoutTime": 0.024699802401580786,
    "UsePhilipsFloatNotDisplayScaling": 1,
    "acq_id": "mb3",
    "dataset": "ds002785",
    "modality": "bold",
    "subject_id": "0121",
    "task_id": "faces"
  },
  "dummy_trs": 0,
  "dvars_nstd": 29.547322716960487,
  "dvars_std": 1.2047683579027353,
  "dvars_vstd": 1.0054136709422474,
  "efc": 0.43727604878183063,
  "fber": 172029.703125,
  "fd_mean": 0.09116603176604793,
  "fd_num": 6,
  "fd_perc": 1.8181818181818181,
  "fwhm_avg": 1.8791478873754286,
  "fwhm_x": 1.8354566666666667,
  "fwhm_y": 2.0190566666666667,
  "fwhm_z": 1.7829303287929525,
  "gcor": 0.0275651,
  "gsr_x": -0.018923066556453705,
  "gsr_y": 0.01751541532576084,
  "provenance": {
    "md5sum": "61c6fa21958ad9099f305d1d036336a6",
    "settings": {
      "fd_thres": 0.2,
      "testing": false
    },
    "software": "mriqc",
    "version": "22.0.0rc1",
    "webapi_port": null,
    "webapi_url": "https://mriqc.nimh.nih.gov/api/v1"
  },
  "size_t": 330,
  "size_x": 80,
  "size_y": 80,
  "size_z": 36,
  "snr": 6.228619008240632,
  "spacing_tr": 0.75,
  "spacing_x": 3.0,
  "spacing_y": 3.0,
  "spacing_z": 3.299999952316284,
  "summary_bg_k": 41.344900036458874,
  "summary_bg_mad": 49.03132475264116,
  "summary_bg_mean": 540.271728515625,
  "summary_bg_median": 44.9002571105957,
  "summary_bg_n": 155089.0,
  "summary_bg_p05": 2.6759933948516847,
  "summary_bg_p95": 3026.7057128906254,
  "summary_bg_stdv": 1523.4388427734375,
  "summary_fg_k": 1.5837536494538282,
  "summary_fg_mad": 2813.2377096143796,
  "summary_fg_mean": 19200.705078125,
  "summary_fg_median": 19065.142578125,
  "summary_fg_n": 34857.0,
  "summary_fg_p05": 14504.702734375,
  "summary_fg_p95": 24172.887109375,
  "summary_fg_stdv": 3060.85009765625,
  "tsnr": 50.77714538574219
}