{
  "aor": 0.008154222222222222,
  "aqi": 0.006935269851851851,
  "bids_meta": {
    "AcquisitionNumber": 5,
    "BidsifyVersion": "0.3.5",
    "ConversionSoftware": "dcm2niix",
    "ConversionSoftwareVersion": "v1.0.20181125  GCC6.3.0",
    "EchoTime": 0.02762,
    "EffectiveEchoSpacing": 0.0006621159151938905,
    "ImageComments": "piop",
    "ImageOrientationPatientDICOM": [
      0.997028,
      0.0769534,
      -0.00360887,
      -0.0765421,
      0.99483,
      0.066746
    ],
    "Manufacturer": "Philips",
    "NumberOfVolumesDiscardedByScanner": 2,
    "ParallelAcquisitionTechnique": "SENSE",
    "ParallelReductionFactorInPlane": 2,
    "PatientPosition": "HFS",
    "PhaseEncodingDirection": "j",
    "PhilipsRescaleIntercept": 0,
    "PhilipsRescaleSlope": 0.77021,
    "PhilipsScaleSlope": 0.0522118,
    "ProtocolName": "WIPpiopharririSENSE",
    "PulseSequenceType": "gradient echo EPI",
    "ReconMatrixPE": 80,
    "RepetitionTime": 2,
    "SeriesDescription": "ImageMRSERIES",
    "SeriesNumber": 5,
    "SliceEncodingDirection": "k",
    "SliceTiming": [
      0.0,
      0.0541,
      0.1081,
      0.1622,
      0.2162,
      0.2703,
      0.3243,
      0.3784,
      0.4324,
      0.4865,
      0.5405,
      0.5946,
      0.6486,
      0.7027,
      0.7568,
      0.8108,
      0.8649,
      0.9189,
      0.973,
      1.027,
      1.0811,
      1.1351,
      1.1892,
      1.2432,
      1.2973,
      1.3514,
      1.4054,
      1.4595,
      1.5135,
      1.5676,
      1.6216,
      1.6757,
      1.7297,
      1.7838,
      1.8378,
      1.8919,
      1.9459
    ],
    "TaskName": "emomatching",
    "TotalReadoutTime": 0.025822520692561732,
    "UsePhilipsFloatNotDisplayScaling": 1,
    "acq_id": "seq",
    "dataset": "ds002785",
    "modality": "bold",
    "subject_id": "0055",
    "task_id": "emomatching"
  },
  "dummy_trs": 0,
  "dvars_nstd": 20.598012468507456,
  "dvars_std": 1.2078476310447763,
  "dvars_vstd": 1.0600221208208953,
  "efc": 0.4465280018984933,
  "fber": 121750.9921875,
  "fd_mean": 0.13834892197637533,
  "fd_num": 24,
  "fd_perc": 17.77777777777778,
  "fwhm_avg": 2.042305059743563,
  "fwhm_x": 1.94216,
  "fwhm_y": 2.2666733333333333,
  "fwhm_z": 1.9180818458973545,
  "gcor": 0.0131704,
  "gsr_x": -0.009400956332683563,
  "gsr_y": 0.020774532109498978,
  "provenance": {
    "md5sum": "6fa76e7866cb679cd65572edcb54f57b",
    "settings": {
      "fd_thres": 0.2,
      "testing": false
    },
    "software": "mriqc",
    "version": "22.0.0rc1",
    "webapi_port": null,
    "webapi_url": "https://mriqc.nimh.nih.gov/api/v1"
  },
  "size_t": 135,
  "size_x": 80,
  "size_y": 80,
  "size_z": 37,
  "snr": 4.397865340216474,
  "spacing_tr": 2.0,
  "spacing_x": 3.0,
  "spacing_y": 3.0,
  "spacing_z": 3.299999952316284,
  "summary_bg_k": 59.19455640326517,
  "summary_bg_mad": 80.35794486880033,
  "summary_bg_mean": 743.9659423828125,
  "summary_bg_median": 69.68147277832031,
  "summary_bg_n": 156345.0,
  "summary_bg_p05": 4.522821521759034,
  "summary_bg_p95": 3970.05791015625,
  "summary_bg_stdv": 2082.35009765625,
  "summary_fg_k": 2.724570959488873,
  "summary_fg_mad": 4656.575580410126,
  "summary_fg_mean": 25813.01953125,
  "summary_fg_median": 25026.763671875,
  "summary_fg_n": 39089.0,
  "summary_fg_p05": 18223.10234375,
  "summary_fg_p95": 35662.77187499999,
  "summary_fg_stdv": 5690.5888671875,
  "tsnr": 59.35210418701172
}