{
  "aor": 0.001437079831932773,
  "aqi": 0.016084965987394957,
  "bids_meta": {
    "AcquisitionNumber": 6,
    "BidsifyVersion": "0.3.5",
    "ConversionSoftware": "dcm2niix",
    "ConversionSoftwareVersion": "v1.0.20181125  GCC6.3.0",
    "EchoTime": 0.02763,
    "EffectiveEchoSpacing": 0.0006333282667071997,
    "ImageComments": "piop",
    "ImageOrientationPatientDICOM": [
      0.997028,
      0.0769534,
      -0.00360887,
      -0.0765421,
      0.99483,
      0.066746
    ],
    "Manufacturer": "Philips",
    "NumberOfVolumesDiscardedByScanner": 2,
    "ParallelAcquisitionTechnique": "SENSE",
    "ParallelReductionFactorInPlane": 2,
    "PatientPosition": "HFS",
    "PhaseEncodingDirection": "j",
    "PhilipsRescaleIntercept": 0,
    "PhilipsRescaleSlope": 0.83346,
    "PhilipsScaleSlope": 0.0742171,
    "ProtocolName": "WIPpioprsSENSE",
    "PulseSequenceType": "gradient echo EPI",
    "ReconMatrixPE": 80,
    "RepetitionTime": 0.75,
    "SeriesDescription": "ImageMRSERIES",
    "SeriesNumber": 6,
    "SliceEncodingDirection": "k",
    "SliceTiming": [
      0.0,
      0.06755050505050506,
      0.1351010101010101,
      0.20265151515151517,
      0.2702020202020202,
      0.3377525252525253,
      0.40530303030303033,
      0.47285353535353536,
      0.5404040404040404,
      0.6079545454545455,
      0.6755050505050506,
      0.7430555555555556,
      0.0,
      0.06755050505050506,
      0.1351010101010101,
      0.20265151515151517,
      0.2702020202020202,
      0.3377525252525253,
      0.40530303030303033,
      0.47285353535353536,
      0.5404040404040404,
      0.6079545454545455,
      0.6755050505050506,
      0.7430555555555556,
      0.0,
      0.06755050505050506,
      0.1351010101010101,
      0.20265151515151517,
      0.2702020202020202,
      0.3377525252525253,
      0.40530303030303033,
      0.47285353535353536,
      0.5404040404040404,
      0.6079545454545455,
      0.6755050505050506,
      0.7430555555555556
    ],
    "TaskName": "restingstate",
    "TotalReadoutTime": 0.024699802401580786,
    "UsePhilipsFloatNotDisplayScaling": 1,
    "acq_id": "mb3",
    "dataset": "ds002785",
    "modality": "bold",
    "subject_id": "0055",
    "task_id": "restingstate"
  },
  "dummy_trs": 4,
  "dvars_nstd": 31.643174988631554,
  "dvars_std": 1.0942553661473677,
  "dvars_vstd": 0.9692496605052634,
  "efc": 0.458915865412024,
  "fber": 111547.15625,
  "fd_mean": 0.14058409412345044,
  "fd_num": 70,
  "fd_perc": 14.705882352941176,
  "fwhm_avg": 2.0192588978865014,
  "fwhm_x": 1.9547333333333334,
  "fwhm_y": 2.234976666666667,
  "fwhm_z": 1.8680666936595034,
  "gcor": 0.00636656,
  "gsr_x": -0.01063550915569067,
  "gsr_y": 0.02188742719590664,
  "provenance": {
    "md5sum": "3ca04bcf4a4ce458690594871cdf04d7",
    "settings": {
      "fd_thres": 0.2,
      "testing": false
    },
    "software": "mriqc",
    "version": "22.0.0rc1",
    "webapi_port": null,
    "webapi_url": "https://mriqc.nimh.nih.gov/api/v1"
  },
  "size_t": 476,
  "size_x": 80,
  "size_y": 80,
  "size_z": 36,
  "snr": 5.530176688887279,
  "spacing_tr": 0.75,
  "spacing_x": 3.0,
  "spacing_y": 3.0,
  "spacing_z": 3.299999952316284,
  "summary_bg_k": 33.65268979861475,
  "summary_bg_mad": 62.5578275199284,
  "summary_bg_mean": 564.3263549804688,
  "summary_bg_median": 52.17402648925781,
  "summary_bg_n": 150966.0,
  "summary_bg_p05": 3.06875216960907,
  "summary_bg_p95": 3015.50634765625,
  "summary_bg_stdv": 1465.64990234375,
  "summary_fg_k": 1.0558599573775558,
  "summary_fg_mad": 2949.815199725563,
  "summary_fg_mean": 17876.7109375,
  "summary_fg_median": 17849.931640625,
  "summary_fg_n": 38709.0,
  "summary_fg_p05": 12798.2685546875,
  "summary_fg_p95": 23201.368359375,
  "summary_fg_stdv": 3227.69091796875,
  "tsnr": 37.861358642578125
}