{
  "aor": 0.004681795918367347,
  "aqi": 0.014694603061224491,
  "bids_meta": {
    "AcquisitionNumber": 3,
    "BidsifyVersion": "0.3.5",
    "ConversionSoftware": "dcm2niix",
    "ConversionSoftwareVersion": "v1.0.20181125  GCC6.3.0",
    "EchoTime": 0.02762,
    "EffectiveEchoSpacing": 0.0006621159151938905,
    "ImageComments": "piop",
    "ImageOrientationPatientDICOM": [
      0.997028,
      0.0769534,
      -0.00360887,
      -0.0765421,
      0.99483,
      0.066746
    ],
    "Manufacturer": "Philips",
    "NumberOfVolumesDiscardedByScanner": 2,
    "ParallelAcquisitionTechnique": "SENSE",
    "ParallelReductionFactorInPlane": 2,
    "PatientPosition": "HFS",
    "PhaseEncodingDirection": "j",
    "PhilipsRescaleIntercept": 0,
    "PhilipsRescaleSlope": 0.79878,
    "PhilipsScaleSlope": 0.0506401,
    "ProtocolName": "WIPpiopgstroopSENSE",
    "PulseSequenceType": "gradient echo EPI",
    "ReconMatrixPE": 80,
    "RepetitionTime": 2,
    "SeriesDescription": "ImageMRSERIES",
    "SeriesNumber": 3,
    "SliceEncodingDirection": "k",
    "SliceTiming": [
      0.0,
      0.0541,
      0.1081,
      0.1622,
      0.2162,
      0.2703,
      0.3243,
      0.3784,
      0.4324,
      0.4865,
      0.5405,
      0.5946,
      0.6486,
      0.7027,
      0.7568,
      0.8108,
      0.8649,
      0.9189,
      0.973,
      1.027,
      1.0811,
      1.1351,
      1.1892,
      1.2432,
      1.2973,
      1.3514,
      1.4054,
      1.4595,
      1.5135,
      1.5676,
      1.6216,
      1.6757,
      1.7297,
      1.7838,
      1.8378,
      1.8919,
      1.9459
    ],
    "TaskName": "gstroop",
    "TotalReadoutTime": 0.025822520692561732,
    "UsePhilipsFloatNotDisplayScaling": 1,
    "acq_id": "seq",
    "dataset": "ds002785",
    "modality": "bold",
    "subject_id": "0055",
    "task_id": "gstroop"
  },
  "dummy_trs": 0,
  "dvars_nstd": 22.33564333459017,
  "dvars_std": 1.1060564640983614,
  "dvars_vstd": 0.9774223299590166,
  "efc": 0.44744858874792576,
  "fber": 117130.421875,
  "fd_mean": 0.15755060234393176,
  "fd_num": 46,
  "fd_perc": 18.775510204081634,
  "fwhm_avg": 2.0010866756498293,
  "fwhm_x": 1.8975566666666666,
  "fwhm_y": 2.2406366666666666,
  "fwhm_z": 1.8650666936161546,
  "gcor": 0.00879347,
  "gsr_x": -0.009835632517933846,
  "gsr_y": 0.02054368518292904,
  "provenance": {
    "md5sum": "6d18fc0da9a904264ef2e77876423348",
    "settings": {
      "fd_thres": 0.2,
      "testing": false
    },
    "software": "mriqc",
    "version": "22.0.0rc1",
    "webapi_port": null,
    "webapi_url": "https://mriqc.nimh.nih.gov/api/v1"
  },
  "size_t": 245,
  "size_x": 80,
  "size_y": 80,
  "size_z": 37,
  "snr": 4.522016195768514,
  "spacing_tr": 2.0,
  "spacing_x": 3.0,
  "spacing_y": 3.0,
  "spacing_z": 3.299999952316284,
  "summary_bg_k": 68.20463346969252,
  "summary_bg_mad": 81.53204678513298,
  "summary_bg_mean": 738.51318359375,
  "summary_bg_median": 70.5697021484375,
  "summary_bg_n": 156224.0,
  "summary_bg_p05": 4.619696140289307,
  "summary_bg_p95": 3829.473986816408,
  "summary_bg_stdv": 2121.36865234375,
  "summary_fg_k": 2.9736800904281155,
  "summary_fg_mad": 4446.948078255504,
  "summary_fg_mean": 25652.87890625,
  "summary_fg_median": 24876.4140625,
  "summary_fg_n": 39212.0,
  "summary_fg_p05": 18388.41767578125,
  "summary_fg_p95": 35129.92617187499,
  "summary_fg_stdv": 5501.107421875,
  "tsnr": 47.45765686035156
}