{
  "aor": 0.0052053086419753085,
  "aqi": 0.005172215000000001,
  "bids_meta": {
    "AcquisitionNumber": 8,
    "BidsifyVersion": "0.3.5",
    "ConversionSoftware": "dcm2niix",
    "ConversionSoftwareVersion": "v1.0.20181125  GCC6.3.0",
    "EchoTime": 0.02762,
    "EffectiveEchoSpacing": 0.0006621159151938905,
    "ImageComments": "piop",
    "ImageOrientationPatientDICOM": [
      0.997028,
      0.0769534,
      -0.00360887,
      -0.0765421,
      0.99483,
      0.066746
    ],
    "Manufacturer": "Philips",
    "NumberOfVolumesDiscardedByScanner": 2,
    "ParallelAcquisitionTechnique": "SENSE",
    "ParallelReductionFactorInPlane": 2,
    "PatientPosition": "HFS",
    "PhaseEncodingDirection": "j",
    "PhilipsRescaleIntercept": 0,
    "PhilipsRescaleSlope": 0.76557,
    "PhilipsScaleSlope": 0.0507384,
    "ProtocolName": "WIPpiopwmSENSE",
    "PulseSequenceType": "gradient echo EPI",
    "ReconMatrixPE": 80,
    "RepetitionTime": 2,
    "SeriesDescription": "ImageMRSERIES",
    "SeriesNumber": 8,
    "SliceEncodingDirection": "k",
    "SliceTiming": [
      0.0,
      0.0541,
      0.1081,
      0.1622,
      0.2162,
      0.2703,
      0.3243,
      0.3784,
      0.4324,
      0.4865,
      0.5405,
      0.5946,
      0.6486,
      0.7027,
      0.7568,
      0.8108,
      0.8649,
      0.9189,
      0.973,
      1.027,
      1.0811,
      1.1351,
      1.1892,
      1.2432,
      1.2973,
      1.3514,
      1.4054,
      1.4595,
      1.5135,
      1.5676,
      1.6216,
      1.6757,
      1.7297,
      1.7838,
      1.8378,
      1.8919,
      1.9459
    ],
    "TaskName": "workingmemory",
    "TotalReadoutTime": 0.025822520692561732,
    "UsePhilipsFloatNotDisplayScaling": 1,
    "acq_id": "seq",
    "dataset": "ds002785",
    "modality": "bold",
    "subject_id": "0055",
    "task_id": "workingmemory"
  },
  "dummy_trs": 0,
  "dvars_nstd": 21.53159323981367,
  "dvars_std": 1.1687390650310556,
  "dvars_vstd": 1.0137202926086955,
  "efc": 0.44793448443605927,
  "fber": 117639.3203125,
  "fd_mean": 0.1283540127023629,
  "fd_num": 7,
  "fd_perc": 4.320987654320987,
  "fwhm_avg": 2.041244655798263,
  "fwhm_x": 1.9330633333333334,
  "fwhm_y": 2.2528433333333333,
  "fwhm_z": 1.937827300728123,
  "gcor": 0.0117747,
  "gsr_x": -0.009194936603307724,
  "gsr_y": 0.020908409729599953,
  "provenance": {
    "md5sum": "5ba1a0af37422012ebe2dba2ab358d6f",
    "settings": {
      "fd_thres": 0.2,
      "testing": false
    },
    "software": "mriqc",
    "version": "22.0.0rc1",
    "webapi_port": null,
    "webapi_url": "https://mriqc.nimh.nih.gov/api/v1"
  },
  "size_t": 162,
  "size_x": 80,
  "size_y": 80,
  "size_z": 37,
  "snr": 4.479518451016855,
  "spacing_tr": 2.0,
  "spacing_x": 3.0,
  "spacing_y": 3.0,
  "spacing_z": 3.299999952316284,
  "summary_bg_k": 51.186321252115775,
  "summary_bg_mad": 79.72438867918785,
  "summary_bg_mean": 751.7290649414062,
  "summary_bg_median": 70.21520233154297,
  "summary_bg_n": 156344.0,
  "summary_bg_p05": 4.035019207000732,
  "summary_bg_p95": 4097.5950683593765,
  "summary_bg_stdv": 2086.016845703125,
  "summary_fg_k": 2.578072833938389,
  "summary_fg_mad": 4558.130213959862,
  "summary_fg_mean": 25582.09375,
  "summary_fg_median": 24837.140625,
  "summary_fg_n": 39157.0,
  "summary_fg_p05": 18143.280859375,
  "summary_fg_p95": 35135.089062499996,
  "summary_fg_stdv": 5544.52978515625,
  "tsnr": 68.28665161132812
}