{
  "bids_meta": {
    "AcquisitionNumber": 4,
    "BidsifyVersion": "0.3.5",
    "ConversionSoftware": "dcm2niix",
    "ConversionSoftwareVersion": "v1.0.20181125  GCC6.3.0",
    "EchoTime": 0.00373,
    "ImageComments": "piop",
    "ImageOrientationPatientDICOM": [
      0.998885,
      0.0317292,
      0.0349444,
      -0.0313912,
      0.999455,
      -0.0101782
    ],
    "Manufacturer": "Philips",
    "PatientPosition": "HFS",
    "PhilipsRescaleIntercept": 0,
    "PhilipsRescaleSlope": 9.36191,
    "PhilipsScaleSlope": 0.00712379,
    "ProtocolName": "WIPt13dSENSE",
    "ReconMatrixPE": 240,
    "RepetitionTime": 0.008146,
    "SeriesDescription": "ImageMRSERIES",
    "SeriesNumber": 4,
    "UsePhilipsFloatNotDisplayScaling": 1,
    "dataset": "ds002785",
    "modality": "T1w",
    "subject_id": "0025"
  },
  "cjv": 0.34883039363723606,
  "cnr": 3.5654141128240706,
  "efc": 0.7495132857669845,
  "fber": 360.1127014160156,
  "fwhm_avg": 3.7536430447852958,
  "fwhm_x": 3.714139557240062,
  "fwhm_y": 3.99938,
  "fwhm_z": 3.547409577115825,
  "icvs_csf": 0.2147420671604075,
  "icvs_gm": 0.4294463159545807,
  "icvs_wm": 0.3558116168850118,
  "inu_med": 1.705390214920044,
  "inu_range": 0.4596633434295654,
  "provenance": {
    "md5sum": "55586912092fac15c7170990e44c0039",
    "settings": {
      "testing": false
    },
    "software": "mriqc",
    "version": "22.0.0rc1",
    "warnings": {
      "large_rot_frame": true,
      "small_air_mask": true
    },
    "webapi_port": null,
    "webapi_url": "https://mriqc.nimh.nih.gov/api/v1"
  },
  "qi_1": 0.0,
  "qi_2": 6.82965885932244e-05,
  "rpve_csf": 27.299812642908687,
  "rpve_gm": 14.699998117177461,
  "rpve_wm": 22.321948558646792,
  "size_x": 240,
  "size_y": 240,
  "size_z": 220,
  "snr_csf": 2.7357491882692417,
  "snr_gm": 7.484102552554376,
  "snr_total": 9.98502199740235,
  "snr_wm": 19.735214251383432,
  "snrd_csf": 22.876065278254945,
  "snrd_gm": 45.12031717017187,
  "snrd_total": 46.47236579114233,
  "snrd_wm": 71.42071492500017,
  "spacing_x": 1.0000001192092896,
  "spacing_y": 1.0,
  "spacing_z": 1.0000001192092896,
  "summary_bg_k": 41.623091621091945,
  "summary_bg_mad": 9.172806250676132,
  "summary_bg_mean": 21.452049255371094,
  "summary_bg_median": 12.182910919189453,
  "summary_bg_n": 177830.0,
  "summary_bg_p05": 0.0,
  "summary_bg_p95": 66.42190322875975,
  "summary_bg_stdv": 31.218429565429688,
  "summary_csf_k": -0.20257272418605554,
  "summary_csf_mad": 117.66725353830819,
  "summary_csf_mean": 299.7566833496094,
  "summary_csf_median": 320.2962341308594,
  "summary_csf_n": 6091.0,
  "summary_csf_p05": 99.22162628173828,
  "summary_csf_p95": 462.71905517578125,
  "summary_csf_stdv": 117.0684585571289,
  "summary_gm_k": 0.05705012960554079,
  "summary_gm_mad": 82.59779296853337,
  "summary_gm_mean": 636.533447265625,
  "summary_gm_median": 631.7462158203125,
  "summary_gm_n": 23023.0,
  "summary_gm_p05": 504.0101806640625,
  "summary_gm_p95": 782.1755859374998,
  "summary_gm_stdv": 84.40991973876953,
  "summary_wm_k": 1.078734198186221,
  "summary_wm_mad": 45.856061341752735,
  "summary_wm_mean": 997.3966674804688,
  "summary_wm_median": 999.98779296875,
  "summary_wm_n": 189328.0,
  "summary_wm_p05": 909.7997314453125,
  "summary_wm_p95": 1074.6241271972656,
  "summary_wm_stdv": 50.67009353637695,
  "tpm_overlap_csf": 0.17070849239826202,
  "tpm_overlap_gm": 0.4604644775390625,
  "tpm_overlap_wm": 0.5181092023849487,
  "wm2max": 0.7243769434201548
}