{
  "aor": 0.0009772653061224492,
  "aqi": 0.006482306489795918,
  "bids_meta": {
    "AcquisitionNumber": 3,
    "BidsifyVersion": "0.3.5",
    "ConversionSoftware": "dcm2niix",
    "ConversionSoftwareVersion": "v1.0.20181125  GCC6.3.0",
    "EchoTime": 0.02762,
    "EffectiveEchoSpacing": 0.0006621159151938905,
    "ImageComments": "piop",
    "ImageOrientationPatientDICOM": [
      0.999074,
      0.0288489,
      0.0319227,
      -0.0219743,
      0.979977,
      -0.197894
    ],
    "Manufacturer": "Philips",
    "NumberOfVolumesDiscardedByScanner": 2,
    "ParallelAcquisitionTechnique": "SENSE",
    "ParallelReductionFactorInPlane": 2,
    "PatientPosition": "HFS",
    "PhaseEncodingDirection": "j",
    "PhilipsRescaleIntercept": 0,
    "PhilipsRescaleSlope": 0.93065,
    "PhilipsScaleSlope": 0.0642759,
    "ProtocolName": "WIPpiopgstroopSENSE",
    "PulseSequenceType": "gradient echo EPI",
    "ReconMatrixPE": 80,
    "RepetitionTime": 2,
    "SeriesDescription": "ImageMRSERIES",
    "SeriesNumber": 3,
    "SliceEncodingDirection": "k",
    "SliceTiming": [
      0.0,
      0.0541,
      0.1081,
      0.1622,
      0.2162,
      0.2703,
      0.3243,
      0.3784,
      0.4324,
      0.4865,
      0.5405,
      0.5946,
      0.6486,
      0.7027,
      0.7568,
      0.8108,
      0.8649,
      0.9189,
      0.973,
      1.027,
      1.0811,
      1.1351,
      1.1892,
      1.2432,
      1.2973,
      1.3514,
      1.4054,
      1.4595,
      1.5135,
      1.5676,
      1.6216,
      1.6757,
      1.7297,
      1.7838,
      1.8378,
      1.8919,
      1.9459
    ],
    "TaskName": "gstroop",
    "TotalReadoutTime": 0.025822520692561732,
    "UsePhilipsFloatNotDisplayScaling": 1,
    "acq_id": "seq",
    "dataset": "ds002785",
    "modality": "bold",
    "subject_id": "0117",
    "task_id": "gstroop"
  },
  "dummy_trs": 0,
  "dvars_nstd": 26.39154907942624,
  "dvars_std": 1.2764551462704927,
  "dvars_vstd": 0.9786028029508196,
  "efc": 0.416668343570701,
  "fber": 148633.5,
  "fd_mean": 0.11452759920136474,
  "fd_num": 21,
  "fd_perc": 8.571428571428571,
  "fwhm_avg": 1.851722129784769,
  "fwhm_x": 1.8426,
  "fwhm_y": 1.93273,
  "fwhm_z": 1.7798363893543068,
  "gcor": 0.0226969,
  "gsr_x": -0.018473058938980103,
  "gsr_y": 0.01223128754645586,
  "provenance": {
    "md5sum": "cd18e5d78d470bf7173ecfb3a2253062",
    "settings": {
      "fd_thres": 0.2,
      "testing": false
    },
    "software": "mriqc",
    "version": "22.0.0rc1",
    "webapi_port": null,
    "webapi_url": "https://mriqc.nimh.nih.gov/api/v1"
  },
  "size_t": 245,
  "size_x": 80,
  "size_y": 80,
  "size_z": 37,
  "snr": 5.1573730066835966,
  "spacing_tr": 2.0,
  "spacing_x": 3.0,
  "spacing_y": 3.0,
  "spacing_z": 3.299999952316284,
  "summary_bg_k": 69.81976650710962,
  "summary_bg_mad": 58.05197239288378,
  "summary_bg_mean": 460.77947998046875,
  "summary_bg_median": 53.00830078125,
  "summary_bg_n": 161520.0,
  "summary_bg_p05": 2.5655235886573795,
  "summary_bg_p95": 2204.0830810546868,
  "summary_bg_stdv": 1485.4957275390625,
  "summary_fg_k": 1.1017758794739096,
  "summary_fg_mad": 3893.0006893902446,
  "summary_fg_mean": 21217.8828125,
  "summary_fg_median": 20932.89453125,
  "summary_fg_n": 33913.0,
  "summary_fg_p05": 15085.015234375,
  "summary_fg_p95": 27879.334375,
  "summary_fg_stdv": 4058.76904296875,
  "tsnr": 65.91143798828125
}