{
  "aor": 0.0036636500000000005,
  "aqi": 0.00700449365,
  "bids_meta": {
    "AcquisitionNumber": 10,
    "BidsifyVersion": "0.3.5",
    "ConversionSoftware": "dcm2niix",
    "ConversionSoftwareVersion": "v1.0.20181125  GCC6.3.0",
    "EchoTime": 0.02762,
    "EffectiveEchoSpacing": 0.0006621159151938905,
    "ImageComments": "piop",
    "ImageOrientationPatientDICOM": [
      0.999074,
      0.0288489,
      0.0319227,
      -0.0219743,
      0.979977,
      -0.197894
    ],
    "Manufacturer": "Philips",
    "NumberOfVolumesDiscardedByScanner": 2,
    "ParallelAcquisitionTechnique": "SENSE",
    "ParallelReductionFactorInPlane": 2,
    "PatientPosition": "HFS",
    "PhaseEncodingDirection": "j",
    "PhilipsRescaleIntercept": 0,
    "PhilipsRescaleSlope": 0.92967,
    "PhilipsScaleSlope": 0.0639717,
    "ProtocolName": "WIPpiopanticipatieSENSE",
    "PulseSequenceType": "gradient echo EPI",
    "ReconMatrixPE": 80,
    "RepetitionTime": 2,
    "SeriesDescription": "ImageMRSERIES",
    "SeriesNumber": 10,
    "SliceEncodingDirection": "k",
    "SliceTiming": [
      0.0,
      0.0541,
      0.1081,
      0.1622,
      0.2162,
      0.2703,
      0.3243,
      0.3784,
      0.4324,
      0.4865,
      0.5405,
      0.5946,
      0.6486,
      0.7027,
      0.7568,
      0.8108,
      0.8649,
      0.9189,
      0.973,
      1.027,
      1.0811,
      1.1351,
      1.1892,
      1.2432,
      1.2973,
      1.3514,
      1.4054,
      1.4595,
      1.5135,
      1.5676,
      1.6216,
      1.6757,
      1.7297,
      1.7838,
      1.8378,
      1.8919,
      1.9459
    ],
    "TaskName": "anticipation",
    "TotalReadoutTime": 0.025822520692561732,
    "UsePhilipsFloatNotDisplayScaling": 1,
    "acq_id": "seq",
    "dataset": "ds002785",
    "modality": "bold",
    "subject_id": "0117",
    "task_id": "anticipation"
  },
  "dummy_trs": 0,
  "dvars_nstd": 27.245307567638186,
  "dvars_std": 1.243969000904523,
  "dvars_vstd": 0.9981407450251254,
  "efc": 0.41800858050506207,
  "fber": 145277.0625,
  "fd_mean": 0.16783393852194298,
  "fd_num": 43,
  "fd_perc": 21.5,
  "fwhm_avg": 1.8559374833553122,
  "fwhm_x": 1.8398533333333333,
  "fwhm_y": 1.9408166666666666,
  "fwhm_z": 1.7871424500659372,
  "gcor": 0.0240409,
  "gsr_x": -0.01857743225991726,
  "gsr_y": 0.011909388937056065,
  "provenance": {
    "md5sum": "99cc85285dbc7a5963a5945b31b2e125",
    "settings": {
      "fd_thres": 0.2,
      "testing": false
    },
    "software": "mriqc",
    "version": "22.0.0rc1",
    "webapi_port": null,
    "webapi_url": "https://mriqc.nimh.nih.gov/api/v1"
  },
  "size_t": 200,
  "size_x": 80,
  "size_y": 80,
  "size_z": 37,
  "snr": 5.179933071235269,
  "spacing_tr": 2.0,
  "spacing_x": 3.0,
  "spacing_y": 3.0,
  "spacing_z": 3.299999952316284,
  "summary_bg_k": 59.92447467672369,
  "summary_bg_mad": 58.68215355627443,
  "summary_bg_mean": 478.89447021484375,
  "summary_bg_median": 53.4905891418457,
  "summary_bg_n": 161625.0,
  "summary_bg_p05": 2.4141293048858645,
  "summary_bg_p95": 2356.312646484368,
  "summary_bg_stdv": 1502.4786376953125,
  "summary_fg_k": 1.090011882631444,
  "summary_fg_mad": 3860.4963731739845,
  "summary_fg_mean": 21102.943359375,
  "summary_fg_median": 20823.15625,
  "summary_fg_n": 33900.0,
  "summary_fg_p05": 15052.69736328125,
  "summary_fg_p95": 27655.11318359375,
  "summary_fg_stdv": 4019.906982421875,
  "tsnr": 64.42102813720703
}