{
  "aor": 0.00334637037037037,
  "aqi": 0.00572933837037037,
  "bids_meta": {
    "AcquisitionNumber": 5,
    "BidsifyVersion": "0.3.5",
    "ConversionSoftware": "dcm2niix",
    "ConversionSoftwareVersion": "v1.0.20181125  GCC6.3.0",
    "EchoTime": 0.02762,
    "EffectiveEchoSpacing": 0.0006621159151938905,
    "ImageComments": "piop",
    "ImageOrientationPatientDICOM": [
      0.999074,
      0.0288489,
      0.0319227,
      -0.0219743,
      0.979977,
      -0.197894
    ],
    "Manufacturer": "Philips",
    "NumberOfVolumesDiscardedByScanner": 2,
    "ParallelAcquisitionTechnique": "SENSE",
    "ParallelReductionFactorInPlane": 2,
    "PatientPosition": "HFS",
    "PhaseEncodingDirection": "j",
    "PhilipsRescaleIntercept": 0,
    "PhilipsRescaleSlope": 0.90379,
    "PhilipsScaleSlope": 0.066201,
    "ProtocolName": "WIPpiopharririSENSE",
    "PulseSequenceType": "gradient echo EPI",
    "ReconMatrixPE": 80,
    "RepetitionTime": 2,
    "SeriesDescription": "ImageMRSERIES",
    "SeriesNumber": 5,
    "SliceEncodingDirection": "k",
    "SliceTiming": [
      0.0,
      0.0541,
      0.1081,
      0.1622,
      0.2162,
      0.2703,
      0.3243,
      0.3784,
      0.4324,
      0.4865,
      0.5405,
      0.5946,
      0.6486,
      0.7027,
      0.7568,
      0.8108,
      0.8649,
      0.9189,
      0.973,
      1.027,
      1.0811,
      1.1351,
      1.1892,
      1.2432,
      1.2973,
      1.3514,
      1.4054,
      1.4595,
      1.5135,
      1.5676,
      1.6216,
      1.6757,
      1.7297,
      1.7838,
      1.8378,
      1.8919,
      1.9459
    ],
    "TaskName": "emomatching",
    "TotalReadoutTime": 0.025822520692561732,
    "UsePhilipsFloatNotDisplayScaling": 1,
    "acq_id": "seq",
    "dataset": "ds002785",
    "modality": "bold",
    "subject_id": "0117",
    "task_id": "emomatching"
  },
  "dummy_trs": 0,
  "dvars_nstd": 26.08480042843284,
  "dvars_std": 1.270289345298508,
  "dvars_vstd": 0.9997082153731344,
  "efc": 0.4164816071885948,
  "fber": 149562.109375,
  "fd_mean": 0.13602523431363656,
  "fd_num": 16,
  "fd_perc": 11.851851851851851,
  "fwhm_avg": 1.8678708167482103,
  "fwhm_x": 1.8630466666666667,
  "fwhm_y": 1.9410566666666667,
  "fwhm_z": 1.7995091169112976,
  "gcor": 0.0257811,
  "gsr_x": -0.018630139529705048,
  "gsr_y": 0.012412426061928272,
  "provenance": {
    "md5sum": "eb9b3e7e5780dda41e695ed5b27a8b39",
    "settings": {
      "fd_thres": 0.2,
      "testing": false
    },
    "software": "mriqc",
    "version": "22.0.0rc1",
    "webapi_port": null,
    "webapi_url": "https://mriqc.nimh.nih.gov/api/v1"
  },
  "size_t": 135,
  "size_x": 80,
  "size_y": 80,
  "size_z": 37,
  "snr": 5.102710945832308,
  "spacing_tr": 2.0,
  "spacing_x": 3.0,
  "spacing_y": 3.0,
  "spacing_z": 3.299999952316284,
  "summary_bg_k": 66.13391896002042,
  "summary_bg_mad": 57.661560897127856,
  "summary_bg_mean": 468.9403991699219,
  "summary_bg_median": 53.25387191772461,
  "summary_bg_n": 161637.0,
  "summary_bg_p05": 2.7537249088287354,
  "summary_bg_p95": 2290.480224609367,
  "summary_bg_stdv": 1492.66796875,
  "summary_fg_k": 1.0167810766362182,
  "summary_fg_mad": 3949.2932423741295,
  "summary_fg_mean": 21398.857421875,
  "summary_fg_median": 21086.734375,
  "summary_fg_n": 33783.0,
  "summary_fg_p05": 15164.2962890625,
  "summary_fg_p95": 28182.449609375,
  "summary_fg_stdv": 4132.39599609375,
  "tsnr": 68.44026184082031
}