{
  "aor": 0.0010492727272727272,
  "aqi": 0.012501938363636363,
  "bids_meta": {
    "AcquisitionNumber": 2,
    "BidsifyVersion": "0.3.5",
    "ConversionSoftware": "dcm2niix",
    "ConversionSoftwareVersion": "v1.0.20181125  GCC6.3.0",
    "EchoTime": 0.02762,
    "EffectiveEchoSpacing": 0.0006333282667071997,
    "ImageComments": "piop",
    "ImageOrientationPatientDICOM": [
      0.999074,
      0.0288489,
      0.0319227,
      -0.0219743,
      0.979977,
      -0.197894
    ],
    "Manufacturer": "Philips",
    "NumberOfVolumesDiscardedByScanner": 2,
    "ParallelAcquisitionTechnique": "SENSE",
    "ParallelReductionFactorInPlane": 2,
    "PatientPosition": "HFS",
    "PhaseEncodingDirection": "j",
    "PhilipsRescaleIntercept": 0,
    "PhilipsRescaleSlope": 0.79463,
    "PhilipsScaleSlope": 0.110805,
    "ProtocolName": "WIPpiopfacesSENSE",
    "PulseSequenceType": "gradient echo EPI",
    "ReconMatrixPE": 80,
    "RepetitionTime": 0.75,
    "SeriesDescription": "ImageMRSERIES",
    "SeriesNumber": 2,
    "SliceEncodingDirection": "k",
    "SliceTiming": [
      0.0,
      0.06755050505050506,
      0.1351010101010101,
      0.20265151515151517,
      0.2702020202020202,
      0.3377525252525253,
      0.40530303030303033,
      0.47285353535353536,
      0.5404040404040404,
      0.6079545454545455,
      0.6755050505050506,
      0.7430555555555556,
      0.0,
      0.06755050505050506,
      0.1351010101010101,
      0.20265151515151517,
      0.2702020202020202,
      0.3377525252525253,
      0.40530303030303033,
      0.47285353535353536,
      0.5404040404040404,
      0.6079545454545455,
      0.6755050505050506,
      0.7430555555555556,
      0.0,
      0.06755050505050506,
      0.1351010101010101,
      0.20265151515151517,
      0.2702020202020202,
      0.3377525252525253,
      0.40530303030303033,
      0.47285353535353536,
      0.5404040404040404,
      0.6079545454545455,
      0.6755050505050506,
      0.7430555555555556
    ],
    "TaskName": "faces",
    "TotalReadoutTime": 0.024699802401580786,
    "UsePhilipsFloatNotDisplayScaling": 1,
    "acq_id": "mb3",
    "dataset": "ds002785",
    "modality": "bold",
    "subject_id": "0117",
    "task_id": "faces"
  },
  "dummy_trs": 0,
  "dvars_nstd": 33.07780480343466,
  "dvars_std": 1.154695927294833,
  "dvars_vstd": 1.0115976585714275,
  "efc": 0.42236443622924347,
  "fber": 180249.71875,
  "fd_mean": 0.10370529410471316,
  "fd_num": 16,
  "fd_perc": 4.848484848484849,
  "fwhm_avg": 1.9304218269824924,
  "fwhm_x": 1.94411,
  "fwhm_y": 2.0199766666666665,
  "fwhm_z": 1.8271788142808107,
  "gcor": 0.0170095,
  "gsr_x": -0.019952278584241867,
  "gsr_y": 0.010689987801015377,
  "provenance": {
    "md5sum": "72760ff6b36d5a0f89e509a08a209672",
    "settings": {
      "fd_thres": 0.2,
      "testing": false
    },
    "software": "mriqc",
    "version": "22.0.0rc1",
    "webapi_port": null,
    "webapi_url": "https://mriqc.nimh.nih.gov/api/v1"
  },
  "size_t": 330,
  "size_x": 80,
  "size_y": 80,
  "size_z": 36,
  "snr": 5.931282234759735,
  "spacing_tr": 0.75,
  "spacing_x": 3.0,
  "spacing_y": 3.0,
  "spacing_z": 3.299999952316284,
  "summary_bg_k": 51.50157105872547,
  "summary_bg_mad": 40.903981654402465,
  "summary_bg_mean": 343.0519104003906,
  "summary_bg_median": 35.185909271240234,
  "summary_bg_n": 156417.0,
  "summary_bg_p05": 1.2005766630172732,
  "summary_bg_p95": 1659.2325439453125,
  "summary_bg_stdv": 1055.0751953125,
  "summary_fg_k": 0.6924424892900958,
  "summary_fg_mad": 2409.7368017304852,
  "summary_fg_mean": 15278.3125,
  "summary_fg_median": 15273.3544921875,
  "summary_fg_n": 33155.0,
  "summary_fg_p05": 10943.84345703125,
  "summary_fg_p95": 19389.8068359375,
  "summary_fg_stdv": 2575.01220703125,
  "tsnr": 42.742637634277344
}