{
  "aor": 0.0011870987654320987,
  "aqi": 0.0030617340740740745,
  "bids_meta": {
    "AcquisitionNumber": 8,
    "BidsifyVersion": "0.3.5",
    "ConversionSoftware": "dcm2niix",
    "ConversionSoftwareVersion": "v1.0.20181125  GCC6.3.0",
    "EchoTime": 0.02762,
    "EffectiveEchoSpacing": 0.0006621159151938905,
    "ImageComments": "PIOP",
    "ImageOrientationPatientDICOM": [
      0.999324,
      0.0313714,
      0.0191754,
      -0.0258191,
      0.970062,
      -0.241481
    ],
    "Manufacturer": "Philips",
    "NumberOfVolumesDiscardedByScanner": 2,
    "ParallelAcquisitionTechnique": "SENSE",
    "ParallelReductionFactorInPlane": 2,
    "PatientPosition": "HFS",
    "PhaseEncodingDirection": "j",
    "PhilipsRescaleIntercept": 0,
    "PhilipsRescaleSlope": 0.78877,
    "PhilipsScaleSlope": 0.0568964,
    "ProtocolName": "WIPpiopwmSENSE",
    "PulseSequenceType": "gradient echo EPI",
    "ReconMatrixPE": 80,
    "RepetitionTime": 2,
    "SeriesDescription": "ImageMRSERIES",
    "SeriesNumber": 8,
    "SliceEncodingDirection": "k",
    "SliceTiming": [
      0.0,
      0.0541,
      0.1081,
      0.1622,
      0.2162,
      0.2703,
      0.3243,
      0.3784,
      0.4324,
      0.4865,
      0.5405,
      0.5946,
      0.6486,
      0.7027,
      0.7568,
      0.8108,
      0.8649,
      0.9189,
      0.973,
      1.027,
      1.0811,
      1.1351,
      1.1892,
      1.2432,
      1.2973,
      1.3514,
      1.4054,
      1.4595,
      1.5135,
      1.5676,
      1.6216,
      1.6757,
      1.7297,
      1.7838,
      1.8378,
      1.8919,
      1.9459
    ],
    "TaskName": "workingmemory",
    "TotalReadoutTime": 0.025822520692561732,
    "UsePhilipsFloatNotDisplayScaling": 1,
    "acq_id": "seq",
    "dataset": "ds002785",
    "modality": "bold",
    "subject_id": "0129",
    "task_id": "workingmemory"
  },
  "dummy_trs": 0,
  "dvars_nstd": 19.582589031366457,
  "dvars_std": 1.2200081581987579,
  "dvars_vstd": 1.0161284580745347,
  "efc": 0.4059386234927409,
  "fber": 183173.53125,
  "fd_mean": 0.07712807132807752,
  "fd_num": 2,
  "fd_perc": 1.2345679012345678,
  "fwhm_avg": 1.8248812203358016,
  "fwhm_x": 1.7798100000000001,
  "fwhm_y": 1.9893366666666665,
  "fwhm_z": 1.7054969943407376,
  "gcor": 0.0154945,
  "gsr_x": -0.02435651421546936,
  "gsr_y": 0.013406358659267426,
  "provenance": {
    "md5sum": "3ba72f0940a640d2b43f794308d4dde9",
    "settings": {
      "fd_thres": 0.2,
      "testing": false
    },
    "software": "mriqc",
    "version": "22.0.0rc1",
    "webapi_port": null,
    "webapi_url": "https://mriqc.nimh.nih.gov/api/v1"
  },
  "size_t": 162,
  "size_x": 80,
  "size_y": 80,
  "size_z": 37,
  "snr": 5.405870915676927,
  "spacing_tr": 2.0,
  "spacing_x": 3.0,
  "spacing_y": 3.0,
  "spacing_z": 3.299999952316284,
  "summary_bg_k": 55.336289934311,
  "summary_bg_mad": 52.34279528587008,
  "summary_bg_mean": 483.114990234375,
  "summary_bg_median": 52.867122650146484,
  "summary_bg_n": 163458.0,
  "summary_bg_p05": 2.5793704152107244,
  "summary_bg_p95": 2524.5557861328107,
  "summary_bg_stdv": 1525.3048095703125,
  "summary_fg_k": 1.2219702227016649,
  "summary_fg_mad": 4194.750780760547,
  "summary_fg_mean": 23705.337890625,
  "summary_fg_median": 23370.912109375,
  "summary_fg_n": 32155.0,
  "summary_fg_p05": 17192.16484375,
  "summary_fg_p95": 30729.59453125,
  "summary_fg_stdv": 4323.17919921875,
  "tsnr": 88.24005126953125
}