{
  "aor": 0.0003680408163265306,
  "aqi": 0.005562282653061224,
  "bids_meta": {
    "AcquisitionNumber": 3,
    "BidsifyVersion": "0.3.5",
    "ConversionSoftware": "dcm2niix",
    "ConversionSoftwareVersion": "v1.0.20181125  GCC6.3.0",
    "EchoTime": 0.02762,
    "EffectiveEchoSpacing": 0.0006621159151938905,
    "ImageComments": "PIOP",
    "ImageOrientationPatientDICOM": [
      0.999324,
      0.0313714,
      0.0191754,
      -0.0258191,
      0.970062,
      -0.241481
    ],
    "Manufacturer": "Philips",
    "NumberOfVolumesDiscardedByScanner": 2,
    "ParallelAcquisitionTechnique": "SENSE",
    "ParallelReductionFactorInPlane": 2,
    "PatientPosition": "HFS",
    "PhaseEncodingDirection": "j",
    "PhilipsRescaleIntercept": 0,
    "PhilipsRescaleSlope": 0.81807,
    "PhilipsScaleSlope": 0.0578201,
    "ProtocolName": "WIPpiopgstroopSENSE",
    "PulseSequenceType": "gradient echo EPI",
    "ReconMatrixPE": 80,
    "RepetitionTime": 2,
    "SeriesDescription": "ImageMRSERIES",
    "SeriesNumber": 3,
    "SliceEncodingDirection": "k",
    "SliceTiming": [
      0.0,
      0.0541,
      0.1081,
      0.1622,
      0.2162,
      0.2703,
      0.3243,
      0.3784,
      0.4324,
      0.4865,
      0.5405,
      0.5946,
      0.6486,
      0.7027,
      0.7568,
      0.8108,
      0.8649,
      0.9189,
      0.973,
      1.027,
      1.0811,
      1.1351,
      1.1892,
      1.2432,
      1.2973,
      1.3514,
      1.4054,
      1.4595,
      1.5135,
      1.5676,
      1.6216,
      1.6757,
      1.7297,
      1.7838,
      1.8378,
      1.8919,
      1.9459
    ],
    "TaskName": "gstroop",
    "TotalReadoutTime": 0.025822520692561732,
    "UsePhilipsFloatNotDisplayScaling": 1,
    "acq_id": "seq",
    "dataset": "ds002785",
    "modality": "bold",
    "subject_id": "0129",
    "task_id": "gstroop"
  },
  "dummy_trs": 0,
  "dvars_nstd": 17.274242279918035,
  "dvars_std": 1.0667855933606551,
  "dvars_vstd": 0.9586005634836068,
  "efc": 0.4050826200251355,
  "fber": 179778.53125,
  "fd_mean": 0.08266622245043445,
  "fd_num": 5,
  "fd_perc": 2.0408163265306123,
  "fwhm_avg": 1.7791376847116058,
  "fwhm_x": 1.73848,
  "fwhm_y": 1.94963,
  "fwhm_z": 1.6493030541348177,
  "gcor": 0.0146452,
  "gsr_x": -0.02423715591430664,
  "gsr_y": 0.014889891259372234,
  "provenance": {
    "md5sum": "f881a993367b99b8f3e867c918f4c733",
    "settings": {
      "fd_thres": 0.2,
      "testing": false
    },
    "software": "mriqc",
    "version": "22.0.0rc1",
    "webapi_port": null,
    "webapi_url": "https://mriqc.nimh.nih.gov/api/v1"
  },
  "size_t": 245,
  "size_x": 80,
  "size_y": 80,
  "size_z": 37,
  "snr": 5.540103719391672,
  "spacing_tr": 2.0,
  "spacing_x": 3.0,
  "spacing_y": 3.0,
  "spacing_z": 3.299999952316284,
  "summary_bg_k": 68.1887960872644,
  "summary_bg_mad": 52.74674789018335,
  "summary_bg_mean": 469.8700866699219,
  "summary_bg_median": 53.46366882324219,
  "summary_bg_n": 163619.0,
  "summary_bg_p05": 2.853598380088807,
  "summary_bg_p95": 2394.875317382813,
  "summary_bg_stdv": 1510.47802734375,
  "summary_fg_k": 1.4693744499354473,
  "summary_fg_mad": 4065.4154550018684,
  "summary_fg_mean": 23720.369140625,
  "summary_fg_median": 23387.203125,
  "summary_fg_n": 32124.0,
  "summary_fg_p05": 17431.66982421875,
  "summary_fg_p95": 30566.188574218748,
  "summary_fg_stdv": 4221.3720703125,
  "tsnr": 75.14717102050781
}