{
  "aor": 0.000875111111111111,
  "aqi": 0.0035211768148148146,
  "bids_meta": {
    "AcquisitionNumber": 5,
    "BidsifyVersion": "0.3.5",
    "ConversionSoftware": "dcm2niix",
    "ConversionSoftwareVersion": "v1.0.20181125  GCC6.3.0",
    "EchoTime": 0.02762,
    "EffectiveEchoSpacing": 0.0006621159151938905,
    "ImageComments": "PIOP",
    "ImageOrientationPatientDICOM": [
      0.999324,
      0.0313714,
      0.0191754,
      -0.0258191,
      0.970062,
      -0.241481
    ],
    "Manufacturer": "Philips",
    "NumberOfVolumesDiscardedByScanner": 2,
    "ParallelAcquisitionTechnique": "SENSE",
    "ParallelReductionFactorInPlane": 2,
    "PatientPosition": "HFS",
    "PhaseEncodingDirection": "j",
    "PhilipsRescaleIntercept": 0,
    "PhilipsRescaleSlope": 0.78071,
    "PhilipsScaleSlope": 0.0574503,
    "ProtocolName": "WIPpiopharririSENSE",
    "PulseSequenceType": "gradient echo EPI",
    "ReconMatrixPE": 80,
    "RepetitionTime": 2,
    "SeriesDescription": "ImageMRSERIES",
    "SeriesNumber": 5,
    "SliceEncodingDirection": "k",
    "SliceTiming": [
      0.0,
      0.0541,
      0.1081,
      0.1622,
      0.2162,
      0.2703,
      0.3243,
      0.3784,
      0.4324,
      0.4865,
      0.5405,
      0.5946,
      0.6486,
      0.7027,
      0.7568,
      0.8108,
      0.8649,
      0.9189,
      0.973,
      1.027,
      1.0811,
      1.1351,
      1.1892,
      1.2432,
      1.2973,
      1.3514,
      1.4054,
      1.4595,
      1.5135,
      1.5676,
      1.6216,
      1.6757,
      1.7297,
      1.7838,
      1.8378,
      1.8919,
      1.9459
    ],
    "TaskName": "emomatching",
    "TotalReadoutTime": 0.025822520692561732,
    "UsePhilipsFloatNotDisplayScaling": 1,
    "acq_id": "seq",
    "dataset": "ds002785",
    "modality": "bold",
    "subject_id": "0129",
    "task_id": "emomatching"
  },
  "dummy_trs": 0,
  "dvars_nstd": 17.606824070671646,
  "dvars_std": 1.1283149667164178,
  "dvars_vstd": 0.9926528484328359,
  "efc": 0.40531626348368477,
  "fber": 185245.21875,
  "fd_mean": 0.08213866154942548,
  "fd_num": 4,
  "fd_perc": 2.962962962962963,
  "fwhm_avg": 1.8202537455622736,
  "fwhm_x": 1.77621,
  "fwhm_y": 1.9844633333333332,
  "fwhm_z": 1.7000879033534875,
  "gcor": 0.0112356,
  "gsr_x": -0.024189135059714317,
  "gsr_y": 0.014858772978186607,
  "provenance": {
    "md5sum": "d9b07d6cb7091b8f03be00006100f69d",
    "settings": {
      "fd_thres": 0.2,
      "testing": false
    },
    "software": "mriqc",
    "version": "22.0.0rc1",
    "webapi_port": null,
    "webapi_url": "https://mriqc.nimh.nih.gov/api/v1"
  },
  "size_t": 135,
  "size_x": 80,
  "size_y": 80,
  "size_z": 37,
  "snr": 5.411142794885695,
  "spacing_tr": 2.0,
  "spacing_x": 3.0,
  "spacing_y": 3.0,
  "spacing_z": 3.299999952316284,
  "summary_bg_k": 65.92348618146254,
  "summary_bg_mad": 52.123599563167794,
  "summary_bg_mean": 473.17816162109375,
  "summary_bg_median": 52.54905319213867,
  "summary_bg_n": 163415.0,
  "summary_bg_p05": 2.5751662492752074,
  "summary_bg_p95": 2430.23676757812,
  "summary_bg_stdv": 1521.3687744140625,
  "summary_fg_k": 1.3115351470054355,
  "summary_fg_mad": 4183.246135029838,
  "summary_fg_mean": 23674.873046875,
  "summary_fg_median": 23357.02734375,
  "summary_fg_n": 32156.0,
  "summary_fg_p05": 17219.9697265625,
  "summary_fg_p95": 30729.04931640625,
  "summary_fg_stdv": 4316.4013671875,
  "tsnr": 86.73880004882812
}