{
  "aor": 0.0005192500000000001,
  "aqi": 0.0030894072500000005,
  "bids_meta": {
    "AcquisitionNumber": 9,
    "BidsifyVersion": "0.3.5",
    "ConversionSoftware": "dcm2niix",
    "ConversionSoftwareVersion": "v1.0.20181125  GCC6.3.0",
    "EchoTime": 0.02762,
    "EffectiveEchoSpacing": 0.0006621159151938905,
    "ImageComments": "PIOP",
    "ImageOrientationPatientDICOM": [
      0.999324,
      0.0313714,
      0.0191754,
      -0.0258191,
      0.970062,
      -0.241481
    ],
    "Manufacturer": "Philips",
    "NumberOfVolumesDiscardedByScanner": 2,
    "ParallelAcquisitionTechnique": "SENSE",
    "ParallelReductionFactorInPlane": 2,
    "PatientPosition": "HFS",
    "PhaseEncodingDirection": "j",
    "PhilipsRescaleIntercept": 0,
    "PhilipsRescaleSlope": 0.79634,
    "PhilipsScaleSlope": 0.0578821,
    "ProtocolName": "WIPpiopanticipatieSENSE",
    "PulseSequenceType": "gradient echo EPI",
    "ReconMatrixPE": 80,
    "RepetitionTime": 2,
    "SeriesDescription": "ImageMRSERIES",
    "SeriesNumber": 9,
    "SliceEncodingDirection": "k",
    "SliceTiming": [
      0.0,
      0.0541,
      0.1081,
      0.1622,
      0.2162,
      0.2703,
      0.3243,
      0.3784,
      0.4324,
      0.4865,
      0.5405,
      0.5946,
      0.6486,
      0.7027,
      0.7568,
      0.8108,
      0.8649,
      0.9189,
      0.973,
      1.027,
      1.0811,
      1.1351,
      1.1892,
      1.2432,
      1.2973,
      1.3514,
      1.4054,
      1.4595,
      1.5135,
      1.5676,
      1.6216,
      1.6757,
      1.7297,
      1.7838,
      1.8378,
      1.8919,
      1.9459
    ],
    "TaskName": "anticipation",
    "TotalReadoutTime": 0.025822520692561732,
    "UsePhilipsFloatNotDisplayScaling": 1,
    "acq_id": "seq",
    "dataset": "ds002785",
    "modality": "bold",
    "subject_id": "0129",
    "task_id": "anticipation"
  },
  "dummy_trs": 0,
  "dvars_nstd": 18.275241818592967,
  "dvars_std": 1.1465057291457286,
  "dvars_vstd": 0.996664878743719,
  "efc": 0.4056975203089837,
  "fber": 184457.953125,
  "fd_mean": 0.07370949882727335,
  "fd_num": 1,
  "fd_perc": 0.5,
  "fwhm_avg": 1.8129855637247232,
  "fwhm_x": 1.7719633333333331,
  "fwhm_y": 1.9709266666666665,
  "fwhm_z": 1.6960666911741702,
  "gcor": 0.0118355,
  "gsr_x": -0.02427697367966175,
  "gsr_y": 0.013619029894471169,
  "provenance": {
    "md5sum": "5b8355a2c44d091945bbaa7e26b4ea95",
    "settings": {
      "fd_thres": 0.2,
      "testing": false
    },
    "software": "mriqc",
    "version": "22.0.0rc1",
    "webapi_port": null,
    "webapi_url": "https://mriqc.nimh.nih.gov/api/v1"
  },
  "size_t": 200,
  "size_x": 80,
  "size_y": 80,
  "size_z": 37,
  "snr": 5.474363435495147,
  "spacing_tr": 2.0,
  "spacing_x": 3.0,
  "spacing_y": 3.0,
  "spacing_z": 3.299999952316284,
  "summary_bg_k": 60.732185353504285,
  "summary_bg_mad": 51.64563392047686,
  "summary_bg_mean": 477.71368408203125,
  "summary_bg_median": 52.380393981933594,
  "summary_bg_n": 163522.0,
  "summary_bg_p05": 2.4731986045837404,
  "summary_bg_p95": 2478.658801269529,
  "summary_bg_stdv": 1517.9090576171875,
  "summary_fg_k": 1.2571591080235294,
  "summary_fg_mad": 4128.1176564440775,
  "summary_fg_mean": 23541.146484375,
  "summary_fg_median": 23218.384765625,
  "summary_fg_n": 32147.0,
  "summary_fg_p05": 17191.6943359375,
  "summary_fg_p95": 30460.107031249998,
  "summary_fg_stdv": 4241.22802734375,
  "tsnr": 90.4241714477539
}