{
  "bids_meta": {
    "AcquisitionNumber": 4,
    "BidsifyVersion": "0.3.5",
    "ConversionSoftware": "dcm2niix",
    "ConversionSoftwareVersion": "v1.0.20181125  GCC6.3.0",
    "EchoTime": 0.00378,
    "ImageComments": "PIOP",
    "ImageOrientationPatientDICOM": [
      0.999251,
      0.0362189,
      -0.0135976,
      -0.0373394,
      0.99487,
      -0.0940136
    ],
    "Manufacturer": "Philips",
    "PatientPosition": "HFS",
    "PhilipsRescaleIntercept": 0,
    "PhilipsRescaleSlope": 8.86618,
    "PhilipsScaleSlope": 0.00750259,
    "ProtocolName": "WIPt13dSENSE",
    "ReconMatrixPE": 240,
    "RepetitionTime": 0.008217,
    "SeriesDescription": "ImageMRSERIES",
    "SeriesNumber": 4,
    "UsePhilipsFloatNotDisplayScaling": 1,
    "dataset": "ds002785",
    "modality": "T1w",
    "subject_id": "0209"
  },
  "cjv": 0.29119018272912955,
  "cnr": 4.426408295628949,
  "efc": 0.7295719625614697,
  "fber": 10896.980026309431,
  "fwhm_avg": 3.8510731741643145,
  "fwhm_x": 3.80324,
  "fwhm_y": 4.0056195224929425,
  "fwhm_z": 3.74436,
  "icvs_csf": 0.2314742834150299,
  "icvs_gm": 0.44142507054920027,
  "icvs_wm": 0.3271006460357698,
  "inu_med": 0.6485421657562256,
  "inu_range": 0.21570181846618652,
  "provenance": {
    "md5sum": "c574deb08c63f789779368b27a6209cd",
    "settings": {
      "testing": false
    },
    "software": "mriqc",
    "version": "23.0.1",
    "warnings": {
      "large_rot_frame": true,
      "small_air_mask": true
    },
    "webapi_port": null,
    "webapi_url": "https://mriqc.nimh.nih.gov/api/v1"
  },
  "qi_1": 0.0,
  "qi_2": 0.00014488201188215974,
  "rpve_csf": 26.639184661718424,
  "rpve_gm": 14.608246027802467,
  "rpve_wm": 23.327551949205223,
  "size_x": 240,
  "size_y": 240,
  "size_z": 220,
  "snr_csf": 1.591813746596513,
  "snr_gm": 6.978623361052657,
  "snr_total": 10.62278739341935,
  "snr_wm": 23.297925072608873,
  "snrd_csf": 9.51157076502658,
  "snrd_gm": 34.14204147989869,
  "snrd_total": 34.10779374673897,
  "snrd_wm": 58.66976899529164,
  "spacing_x": 1.0,
  "spacing_y": 1.0000001192092896,
  "spacing_z": 1.0,
  "summary_bg_k": 629.7463886838142,
  "summary_bg_mad": 0.0,
  "summary_bg_mean": 2.283195570857722,
  "summary_bg_median": 0.0,
  "summary_bg_n": 87694.0,
  "summary_bg_p05": 0.0,
  "summary_bg_p95": 11.272440668195486,
  "summary_bg_stdv": 11.166248396196824,
  "summary_csf_k": 0.34546459900737236,
  "summary_csf_mad": 104.35024578012192,
  "summary_csf_mean": 176.85890749598838,
  "summary_csf_median": 162.11671615298837,
  "summary_csf_n": 19994.0,
  "summary_csf_p05": 34.07245955057442,
  "summary_csf_p95": 359.94573044758283,
  "summary_csf_stdv": 101.8414763126448,
  "summary_gm_k": 0.13250105212358676,
  "summary_gm_mad": 82.22159751533087,
  "summary_gm_mean": 583.6289889030903,
  "summary_gm_median": 581.9223537538201,
  "summary_gm_n": 28222.0,
  "summary_gm_p05": 448.76374907046556,
  "summary_gm_p95": 721.4350430483929,
  "summary_gm_stdv": 83.38493336392597,
  "summary_wm_k": 0.6481434575133673,
  "summary_wm_mad": 39.51175890636351,
  "summary_wm_mean": 999.3191322990223,
  "summary_wm_median": 999.9768200162798,
  "summary_wm_n": 166948.0,
  "summary_wm_p05": 927.8192831464112,
  "summary_wm_p95": 1069.3278438802809,
  "summary_wm_stdv": 42.92115379460735,
  "tpm_overlap_csf": 0.1602117127257887,
  "tpm_overlap_gm": 0.4859359428177088,
  "tpm_overlap_wm": 0.526050595403843,
  "wm2max": 0.722427025034351
}