{
  "bids_meta": {
    "AcquisitionNumber": 4,
    "BidsifyVersion": "0.3.5",
    "ConversionSoftware": "dcm2niix",
    "ConversionSoftwareVersion": "v1.0.20181125  GCC6.3.0",
    "EchoTime": 0.00373,
    "ImageComments": "piop",
    "ImageOrientationPatientDICOM": [
      0.999394,
      0.00737439,
      -0.0340085,
      -0.0054073,
      0.998327,
      0.0575746
    ],
    "Manufacturer": "Philips",
    "PatientPosition": "HFS",
    "PhilipsRescaleIntercept": 0,
    "PhilipsRescaleSlope": 8.56215,
    "PhilipsScaleSlope": 0.00701642,
    "ProtocolName": "WIPt13dSENSE",
    "ReconMatrixPE": 240,
    "RepetitionTime": 0.008163,
    "SeriesDescription": "ImageMRSERIES",
    "SeriesNumber": 4,
    "UsePhilipsFloatNotDisplayScaling": 1,
    "dataset": "ds002785",
    "modality": "T1w",
    "subject_id": "0090"
  },
  "cjv": 0.32208592662576974,
  "cnr": 3.7719934686209324,
  "efc": 0.7587762066271423,
  "fber": 661.1842651367188,
  "fwhm_avg": 3.807999706702267,
  "fwhm_x": 3.7065595581436686,
  "fwhm_y": 4.04292,
  "fwhm_z": 3.6745195619631335,
  "icvs_csf": 0.2889650572804255,
  "icvs_gm": 0.3455835512909737,
  "icvs_wm": 0.3654513914286009,
  "inu_med": 0.9041849970817566,
  "inu_range": 0.22259384095668777,
  "provenance": {
    "md5sum": "17aac45f68b23f1f82a4ce0d4809c2bf",
    "settings": {
      "testing": false
    },
    "software": "mriqc",
    "version": "22.0.0rc1",
    "warnings": {
      "large_rot_frame": true,
      "small_air_mask": true
    },
    "webapi_port": null,
    "webapi_url": "https://mriqc.nimh.nih.gov/api/v1"
  },
  "qi_1": 0.0,
  "qi_2": 0.00020263982083584776,
  "rpve_csf": 25.048561613656346,
  "rpve_gm": 17.926379998796076,
  "rpve_wm": 24.138127646384653,
  "size_x": 240,
  "size_y": 240,
  "size_z": 220,
  "snr_csf": 3.979566555949941,
  "snr_gm": 8.403406467904892,
  "snr_total": 11.617733239194605,
  "snr_wm": 22.470226693728982,
  "snrd_csf": 23.83249143368681,
  "snrd_gm": 48.64256743584326,
  "snrd_total": 48.79727654088621,
  "snrd_wm": 73.91677075312856,
  "spacing_x": 1.0000001192092896,
  "spacing_y": 1.0,
  "spacing_z": 1.0000001192092896,
  "summary_bg_k": 2.0747929717244915,
  "summary_bg_mad": 8.862990296262126,
  "summary_bg_mean": 12.52868366241455,
  "summary_bg_median": 11.93195915222168,
  "summary_bg_n": 78190.0,
  "summary_bg_p05": 0.0,
  "summary_bg_p95": 30.37769365310669,
  "summary_bg_stdv": 10.244431495666504,
  "summary_csf_k": 0.906799847780829,
  "summary_csf_mad": 71.8111243284119,
  "summary_csf_mean": 316.4087829589844,
  "summary_csf_median": 322.41705322265625,
  "summary_csf_n": 9034.0,
  "summary_csf_p05": 166.61538238525392,
  "summary_csf_p95": 435.8910049438477,
  "summary_csf_stdv": 81.0136489868164,
  "summary_gm_k": 0.5898820767184949,
  "summary_gm_mad": 69.93205903801741,
  "summary_gm_mean": 661.8018188476562,
  "summary_gm_median": 658.059326171875,
  "summary_gm_n": 8655.0,
  "summary_gm_p05": 536.9480163574219,
  "summary_gm_p95": 799.8472595214843,
  "summary_gm_stdv": 78.30411529541016,
  "summary_wm_k": 1.118908704585876,
  "summary_wm_mad": 40.19594866076476,
  "summary_wm_mean": 999.0767211914062,
  "summary_wm_median": 999.9805297851562,
  "summary_wm_n": 183423.0,
  "summary_wm_p05": 925.7458251953125,
  "summary_wm_p95": 1069.6283935546876,
  "summary_wm_stdv": 44.50234603881836,
  "tpm_overlap_csf": 0.13626183569431305,
  "tpm_overlap_gm": 0.3919777274131775,
  "tpm_overlap_wm": 0.5121501088142395,
  "wm2max": 0.7628360938433071
}