{
  "bids_meta": {
    "AcquisitionNumber": 4,
    "BidsifyVersion": "0.3.5",
    "ConversionSoftware": "dcm2niix",
    "ConversionSoftwareVersion": "v1.0.20181125  GCC6.3.0",
    "EchoTime": 0.00376,
    "ImageComments": "Piop",
    "ImageOrientationPatientDICOM": [
      0.999826,
      -0.0166097,
      -0.00844793,
      0.0172775,
      0.996117,
      0.0863272
    ],
    "Manufacturer": "Philips",
    "PatientPosition": "HFS",
    "PhilipsRescaleIntercept": 0,
    "PhilipsRescaleSlope": 8.71624,
    "PhilipsScaleSlope": 0.00751325,
    "ProtocolName": "WIPt13dSENSE",
    "ReconMatrixPE": 240,
    "RepetitionTime": 0.008188,
    "SeriesDescription": "ImageMRSERIES",
    "SeriesNumber": 4,
    "UsePhilipsFloatNotDisplayScaling": 1,
    "dataset": "ds002785",
    "modality": "T1w",
    "subject_id": "0106"
  },
  "cjv": 0.3198836729594028,
  "cnr": 4.03661072707573,
  "efc": 0.741744420644912,
  "fber": 1684.9371337890625,
  "fwhm_avg": 3.435020134027807,
  "fwhm_x": 3.425970204203737,
  "fwhm_y": 3.55922,
  "fwhm_z": 3.3198701978796836,
  "icvs_csf": 0.2067720726606283,
  "icvs_gm": 0.43921696776073893,
  "icvs_wm": 0.35401095957863277,
  "inu_med": 2.2647223472595215,
  "inu_range": 0.4416506290435791,
  "provenance": {
    "md5sum": "40f60730ab51cf004b48fe229d832097",
    "settings": {
      "testing": false
    },
    "software": "mriqc",
    "version": "22.0.0rc1",
    "warnings": {
      "large_rot_frame": true,
      "small_air_mask": true
    },
    "webapi_port": null,
    "webapi_url": "https://mriqc.nimh.nih.gov/api/v1"
  },
  "qi_1": 0.0,
  "qi_2": 0.00011997031768011441,
  "rpve_csf": 29.310526622596853,
  "rpve_gm": 15.102932225496353,
  "rpve_wm": 23.53213975070648,
  "size_x": 240,
  "size_y": 240,
  "size_z": 220,
  "snr_csf": 3.6959052679947937,
  "snr_gm": 7.104207536441809,
  "snr_total": 10.40070792688542,
  "snr_wm": 20.40201097621966,
  "snrd_csf": 27.60284504651404,
  "snrd_gm": 49.57184482565543,
  "snrd_total": 53.157134769536924,
  "snrd_wm": 82.29671443644129,
  "spacing_x": 0.9999999403953552,
  "spacing_y": 1.0,
  "spacing_z": 0.9999999403953552,
  "summary_bg_k": 34.580869557661636,
  "summary_bg_mad": 7.960540168435284,
  "summary_bg_mean": 12.420042991638184,
  "summary_bg_median": 10.676316261291504,
  "summary_bg_n": 166695.0,
  "summary_bg_p05": 0.0,
  "summary_bg_p95": 32.03199615478515,
  "summary_bg_stdv": 10.637386322021484,
  "summary_csf_k": 26.19897831901999,
  "summary_csf_mad": 70.8928004780732,
  "summary_csf_mean": 326.8107604980469,
  "summary_csf_median": 335.4012451171875,
  "summary_csf_n": 4971.0,
  "summary_csf_p05": 170.23290252685547,
  "summary_csf_p95": 441.6515808105469,
  "summary_csf_stdv": 90.74028778076172,
  "summary_gm_k": 0.07035833708339911,
  "summary_gm_mad": 83.26905415364534,
  "summary_gm_mean": 606.7796630859375,
  "summary_gm_median": 602.3458251953125,
  "summary_gm_n": 13321.0,
  "summary_gm_p05": 474.2945251464844,
  "summary_gm_p95": 754.0494995117188,
  "summary_gm_stdv": 84.78401184082031,
  "summary_wm_k": 1.0764895721994305,
  "summary_wm_mad": 43.92910376472835,
  "summary_wm_mean": 997.5225219726562,
  "summary_wm_median": 999.984619140625,
  "summary_wm_n": 169784.0,
  "summary_wm_p05": 912.9638397216797,
  "summary_wm_p95": 1072.8551879882812,
  "summary_wm_stdv": 49.013877868652344,
  "tpm_overlap_csf": 0.15469908714294434,
  "tpm_overlap_gm": 0.45081740617752075,
  "tpm_overlap_wm": 0.5049235820770264,
  "wm2max": 0.7265507917201418
}