{
  "bids_meta": {
    "AcquisitionNumber": 4,
    "BidsifyVersion": "0.3.5",
    "ConversionSoftware": "dcm2niix",
    "ConversionSoftwareVersion": "v1.0.20181125  GCC6.3.0",
    "EchoTime": 0.00376,
    "ImageComments": "piop",
    "ImageOrientationPatientDICOM": [
      0.994993,
      -0.0969502,
      -0.0242701,
      0.0972093,
      0.995216,
      0.00972867
    ],
    "Manufacturer": "Philips",
    "PatientPosition": "HFS",
    "PhilipsRescaleIntercept": 0,
    "PhilipsRescaleSlope": 8.79438,
    "PhilipsScaleSlope": 0.00732746,
    "ProtocolName": "WIPt13dSENSE",
    "ReconMatrixPE": 240,
    "RepetitionTime": 0.008164,
    "SeriesDescription": "ImageMRSERIES",
    "SeriesNumber": 4,
    "UsePhilipsFloatNotDisplayScaling": 1,
    "dataset": "ds002785",
    "modality": "T1w",
    "subject_id": "0107"
  },
  "cjv": 0.3003344335612982,
  "cnr": 4.273088377569498,
  "efc": 0.7674655213055455,
  "fber": 749.7803344726562,
  "fwhm_avg": 3.6607633333333336,
  "fwhm_x": 3.60345,
  "fwhm_y": 3.9146,
  "fwhm_z": 3.46424,
  "icvs_csf": 0.18221828072537513,
  "icvs_gm": 0.4564762573706605,
  "icvs_wm": 0.36130546190396434,
  "inu_med": 1.5363519191741943,
  "inu_range": 0.45261311531066917,
  "provenance": {
    "md5sum": "e4fe5a27a8e1cd09a465f8875d519390",
    "settings": {
      "testing": false
    },
    "software": "mriqc",
    "version": "22.0.0rc1",
    "warnings": {
      "large_rot_frame": true,
      "small_air_mask": true
    },
    "webapi_port": null,
    "webapi_url": "https://mriqc.nimh.nih.gov/api/v1"
  },
  "qi_1": 0.0,
  "qi_2": 0.0002287389186140477,
  "rpve_csf": 28.651698661177335,
  "rpve_gm": 13.20168083211017,
  "rpve_wm": 20.17219747890412,
  "size_x": 240,
  "size_y": 240,
  "size_z": 220,
  "snr_csf": 2.0985705159953,
  "snr_gm": 7.478749145297802,
  "snr_total": 9.954768460919926,
  "snr_wm": 20.286985721466678,
  "snrd_csf": 19.01687468645035,
  "snrd_gm": 43.07501333632444,
  "snrd_total": 44.79546563119129,
  "snrd_wm": 72.29450887079908,
  "spacing_x": 1.0,
  "spacing_y": 1.0,
  "spacing_z": 1.0,
  "summary_bg_k": 461.680837785888,
  "summary_bg_mad": 9.061887434885218,
  "summary_bg_mean": 12.690314292907715,
  "summary_bg_median": 12.208206176757812,
  "summary_bg_n": 118163.0,
  "summary_bg_p05": 0.0,
  "summary_bg_p95": 31.095879745483398,
  "summary_bg_stdv": 13.027591705322266,
  "summary_csf_k": -0.9818572142436652,
  "summary_csf_mad": 164.44276986612542,
  "summary_csf_mean": 263.0124206542969,
  "summary_csf_median": 263.0426025390625,
  "summary_csf_n": 5543.0,
  "summary_csf_p05": 84.80834732055665,
  "summary_csf_p95": 454.96134643554683,
  "summary_csf_stdv": 125.3323974609375,
  "summary_gm_k": 0.12316040566338815,
  "summary_gm_mad": 77.66491006836941,
  "summary_gm_mean": 600.1477661132812,
  "summary_gm_median": 595.8162841796875,
  "summary_gm_n": 28104.0,
  "summary_gm_p05": 475.4592819213867,
  "summary_gm_p95": 737.9931274414063,
  "summary_gm_stdv": 79.66648864746094,
  "summary_wm_k": 1.30666636140828,
  "summary_wm_mad": 43.72002463717359,
  "summary_wm_mean": 998.4249877929688,
  "summary_wm_median": 999.982177734375,
  "summary_wm_n": 199635.0,
  "summary_wm_p05": 915.7426513671875,
  "summary_wm_p95": 1075.4991577148437,
  "summary_wm_stdv": 49.291683197021484,
  "tpm_overlap_csf": 0.1636316180229187,
  "tpm_overlap_gm": 0.44900941848754883,
  "tpm_overlap_wm": 0.48723918199539185,
  "wm2max": 0.6919125160078666
}