{
  "aor": 0.00439345,
  "aqi": 0.010208733899999997,
  "bids_meta": {
    "AcquisitionNumber": 9,
    "BidsifyVersion": "0.3.5",
    "ConversionSoftware": "dcm2niix",
    "ConversionSoftwareVersion": "v1.0.20181125  GCC6.3.0",
    "EchoTime": 0.02762,
    "ImageComments": "piop",
    "ImageOrientationPatientDICOM": [
      0.99345,
      0.0942064,
      -0.0646669,
      -0.105468,
      0.973752,
      -0.2017
    ],
    "Manufacturer": "Philips",
    "NumberOfVolumesDiscardedByScanner": 2,
    "ParallelAcquisitionTechnique": "SENSE",
    "ParallelReductionFactorInPlane": 2,
    "PatientPosition": "HFS",
    "PhaseEncodingDirection": "j",
    "PhilipsRescaleIntercept": 0,
    "PhilipsRescaleSlope": 0.76313,
    "PhilipsScaleSlope": 0.0605368,
    "ProtocolName": "WIPpiopanticipatieSENSE",
    "PulseSequenceType": "gradient echo EPI",
    "ReconMatrixPE": 80,
    "RepetitionTime": 2,
    "SeriesDescription": "ImageMRSERIES",
    "SeriesNumber": 9,
    "SliceEncodingDirection": "k",
    "TaskName": "anticipation",
    "UsePhilipsFloatNotDisplayScaling": 1,
    "acq_id": "seq",
    "dataset": "ds002785",
    "modality": "bold",
    "subject_id": "0204",
    "task_id": "anticipation"
  },
  "dummy_trs": 0,
  "dvars_nstd": 27.99269648391959,
  "dvars_std": 1.1616818959296478,
  "dvars_vstd": 0.9740357526633162,
  "efc": 0.4416089617956468,
  "fber": 138455.109375,
  "fd_mean": 0.2190084367113551,
  "fd_num": 69,
  "fd_perc": 34.5,
  "fwhm_avg": 1.9564614232075381,
  "fwhm_x": 1.8605066666666668,
  "fwhm_y": 2.126586666666667,
  "fwhm_z": 1.8822909362892808,
  "gcor": 0.0183323,
  "gsr_x": -0.019985418766736984,
  "gsr_y": 0.02136242762207985,
  "provenance": {
    "md5sum": "fee352d9d370981a357e0e2b121cd580",
    "settings": {
      "fd_thres": 0.2,
      "testing": false
    },
    "software": "mriqc",
    "version": "23.0.1",
    "webapi_port": null,
    "webapi_url": "https://mriqc.nimh.nih.gov/api/v1"
  },
  "size_t": 200,
  "size_x": 80,
  "size_y": 80,
  "size_z": 37,
  "snr": 4.678314964120931,
  "spacing_tr": 2.0,
  "spacing_x": 3.0,
  "spacing_y": 3.0,
  "spacing_z": 3.299999952316284,
  "summary_bg_k": 82.13713869276975,
  "summary_bg_mad": 59.705624955843135,
  "summary_bg_mean": 555.8089599609375,
  "summary_bg_median": 57.388916015625,
  "summary_bg_n": 156684.0,
  "summary_bg_p05": 3.4151369810104377,
  "summary_bg_p95": 2864.8191528320326,
  "summary_bg_stdv": 1650.5927734375,
  "summary_fg_k": 2.023201683582297,
  "summary_fg_mad": 4184.395730890672,
  "summary_fg_mean": 22589.88671875,
  "summary_fg_median": 21984.84375,
  "summary_fg_n": 38454.0,
  "summary_fg_p05": 16003.247265625,
  "summary_fg_p95": 30632.917968749996,
  "summary_fg_stdv": 4699.2470703125,
  "tsnr": 49.558712005615234
}