{
  "aor": 0.002933621399176955,
  "aqi": 0.011129700781893003,
  "bids_meta": {
    "AcquisitionNumber": 3,
    "BidsifyVersion": "0.3.5",
    "ConversionSoftware": "dcm2niix",
    "ConversionSoftwareVersion": "v1.0.20181125  GCC6.3.0",
    "EchoTime": 0.02762,
    "ImageComments": "piop",
    "ImageOrientationPatientDICOM": [
      0.99345,
      0.0942064,
      -0.0646669,
      -0.105468,
      0.973752,
      -0.2017
    ],
    "Manufacturer": "Philips",
    "NumberOfVolumesDiscardedByScanner": 2,
    "ParallelAcquisitionTechnique": "SENSE",
    "ParallelReductionFactorInPlane": 2,
    "PatientPosition": "HFS",
    "PhaseEncodingDirection": "j",
    "PhilipsRescaleIntercept": 0,
    "PhilipsRescaleSlope": 0.77167,
    "PhilipsScaleSlope": 0.0574139,
    "ProtocolName": "WIPpiopgstroopSENSE",
    "PulseSequenceType": "gradient echo EPI",
    "ReconMatrixPE": 80,
    "RepetitionTime": 2,
    "SeriesDescription": "ImageMRSERIES",
    "SeriesNumber": 3,
    "SliceEncodingDirection": "k",
    "TaskName": "gstroop",
    "UsePhilipsFloatNotDisplayScaling": 1,
    "acq_id": "seq",
    "dataset": "ds002785",
    "modality": "bold",
    "subject_id": "0204",
    "task_id": "gstroop"
  },
  "dummy_trs": 2,
  "dvars_nstd": 26.9373894920248,
  "dvars_std": 1.1750713647933877,
  "dvars_vstd": 0.952914566859504,
  "efc": 0.44244574836244493,
  "fber": 134866.171875,
  "fd_mean": 0.19193382430469652,
  "fd_num": 72,
  "fd_perc": 29.62962962962963,
  "fwhm_avg": 1.9649628372089076,
  "fwhm_x": 1.88647,
  "fwhm_y": 2.155203333333333,
  "fwhm_z": 1.8532151782933897,
  "gcor": 0.0140434,
  "gsr_x": -0.02101738005876541,
  "gsr_y": 0.02017664536833763,
  "provenance": {
    "md5sum": "16a3816c5e3b64f439ef7a3ef49bfa68",
    "settings": {
      "fd_thres": 0.2,
      "testing": false
    },
    "software": "mriqc",
    "version": "23.0.1",
    "webapi_port": null,
    "webapi_url": "https://mriqc.nimh.nih.gov/api/v1"
  },
  "size_t": 243,
  "size_x": 80,
  "size_y": 80,
  "size_z": 37,
  "snr": 4.5491277672260555,
  "spacing_tr": 2.0,
  "spacing_x": 3.0,
  "spacing_y": 3.0,
  "spacing_z": 3.299999952316284,
  "summary_bg_k": 81.12924884576721,
  "summary_bg_mad": 64.36854464105195,
  "summary_bg_mean": 568.4297485351562,
  "summary_bg_median": 59.304534912109375,
  "summary_bg_n": 156276.0,
  "summary_bg_p05": 3.360326647758484,
  "summary_bg_p95": 2879.346923828125,
  "summary_bg_stdv": 1707.9083251953125,
  "summary_fg_k": 2.110929997717826,
  "summary_fg_mad": 4382.247838667261,
  "summary_fg_mean": 23103.103515625,
  "summary_fg_median": 22454.6640625,
  "summary_fg_n": 38802.0,
  "summary_fg_p05": 16173.657861328125,
  "summary_fg_p95": 31487.92568359374,
  "summary_fg_stdv": 4935.9736328125,
  "tsnr": 52.663116455078125
}