{
  "aor": 0.002393086419753086,
  "aqi": 0.0037542256790123454,
  "bids_meta": {
    "AcquisitionNumber": 8,
    "BidsifyVersion": "0.3.5",
    "ConversionSoftware": "dcm2niix",
    "ConversionSoftwareVersion": "v1.0.20181125  GCC6.3.0",
    "EchoTime": 0.02762,
    "EffectiveEchoSpacing": 0.0006621159151938905,
    "ImageComments": "PIOP",
    "ImageOrientationPatientDICOM": [
      0.999469,
      0.0306328,
      -0.0111315,
      -0.0324573,
      0.966561,
      -0.254375
    ],
    "Manufacturer": "Philips",
    "NumberOfVolumesDiscardedByScanner": 2,
    "ParallelAcquisitionTechnique": "SENSE",
    "ParallelReductionFactorInPlane": 2,
    "PatientPosition": "HFS",
    "PhaseEncodingDirection": "j",
    "PhilipsRescaleIntercept": 0,
    "PhilipsRescaleSlope": 0.81441,
    "PhilipsScaleSlope": 0.0737258,
    "ProtocolName": "WIPpiopwmSENSE",
    "PulseSequenceType": "gradient echo EPI",
    "ReconMatrixPE": 80,
    "RepetitionTime": 2,
    "SeriesDescription": "ImageMRSERIES",
    "SeriesNumber": 8,
    "SliceEncodingDirection": "k",
    "SliceTiming": [
      0.0,
      0.0541,
      0.1081,
      0.1622,
      0.2162,
      0.2703,
      0.3243,
      0.3784,
      0.4324,
      0.4865,
      0.5405,
      0.5946,
      0.6486,
      0.7027,
      0.7568,
      0.8108,
      0.8649,
      0.9189,
      0.973,
      1.027,
      1.0811,
      1.1351,
      1.1892,
      1.2432,
      1.2973,
      1.3514,
      1.4054,
      1.4595,
      1.5135,
      1.5676,
      1.6216,
      1.6757,
      1.7297,
      1.7838,
      1.8378,
      1.8919,
      1.9459
    ],
    "TaskName": "workingmemory",
    "TotalReadoutTime": 0.025822520692561732,
    "UsePhilipsFloatNotDisplayScaling": 1,
    "acq_id": "seq",
    "dataset": "ds002785",
    "modality": "bold",
    "subject_id": "0152",
    "task_id": "workingmemory"
  },
  "dummy_trs": 0,
  "dvars_nstd": 22.572853550807455,
  "dvars_std": 1.2935214616770194,
  "dvars_vstd": 1.0217350844720494,
  "efc": 0.44600938882860564,
  "fber": 137099.15625,
  "fd_mean": 0.12330240710198893,
  "fd_num": 21,
  "fd_perc": 12.962962962962964,
  "fwhm_avg": 1.8737937460012206,
  "fwhm_x": 1.8476366666666666,
  "fwhm_y": 1.9825233333333332,
  "fwhm_z": 1.791221238003662,
  "gcor": 0.0203261,
  "gsr_x": -0.016094371676445007,
  "gsr_y": 0.024012351408600807,
  "provenance": {
    "md5sum": "877684889fc5b433fd16c5d69998ca66",
    "settings": {
      "fd_thres": 0.2,
      "testing": false
    },
    "software": "mriqc",
    "version": "22.0.0rc1",
    "webapi_port": null,
    "webapi_url": "https://mriqc.nimh.nih.gov/api/v1"
  },
  "size_t": 162,
  "size_x": 80,
  "size_y": 80,
  "size_z": 37,
  "snr": 5.52735997427062,
  "spacing_tr": 2.0,
  "spacing_x": 3.0,
  "spacing_y": 3.0,
  "spacing_z": 3.299999952316284,
  "summary_bg_k": 59.93471156518568,
  "summary_bg_mad": 59.35668796539291,
  "summary_bg_mean": 628.2066650390625,
  "summary_bg_median": 58.10176086425781,
  "summary_bg_n": 157128.0,
  "summary_bg_p05": 5.565145111083985,
  "summary_bg_p95": 3723.1461791992183,
  "summary_bg_stdv": 1779.8740234375,
  "summary_fg_k": 0.8484233426689669,
  "summary_fg_mad": 3827.2912957528833,
  "summary_fg_mean": 22269.287109375,
  "summary_fg_median": 22004.966796875,
  "summary_fg_n": 37895.0,
  "summary_fg_p05": 16061.52236328125,
  "summary_fg_p95": 28835.018359374997,
  "summary_fg_stdv": 3981.04638671875,
  "tsnr": 82.98448944091797
}