{
  "aor": 0.005988765432098766,
  "aqi": 0.005960620617283951,
  "bids_meta": {
    "AcquisitionNumber": 8,
    "BidsifyVersion": "0.3.5",
    "ConversionSoftware": "dcm2niix",
    "ConversionSoftwareVersion": "v1.0.20181125  GCC6.3.0",
    "EchoTime": 0.02762,
    "EffectiveEchoSpacing": 0.0006621159151938905,
    "ImageComments": "Piop",
    "ImageOrientationPatientDICOM": [
      0.997545,
      -0.0570469,
      -0.0406113,
      0.0383218,
      0.930123,
      -0.365242
    ],
    "Manufacturer": "Philips",
    "NumberOfVolumesDiscardedByScanner": 2,
    "ParallelAcquisitionTechnique": "SENSE",
    "ParallelReductionFactorInPlane": 2,
    "PatientPosition": "HFS",
    "PhaseEncodingDirection": "j",
    "PhilipsRescaleIntercept": 0,
    "PhilipsRescaleSlope": 0.83907,
    "PhilipsScaleSlope": 0.0678982,
    "ProtocolName": "WIPpiopwmSENSE",
    "PulseSequenceType": "gradient echo EPI",
    "ReconMatrixPE": 80,
    "RepetitionTime": 2,
    "SeriesDescription": "ImageMRSERIES",
    "SeriesNumber": 8,
    "SliceEncodingDirection": "k",
    "SliceTiming": [
      0.0,
      0.0541,
      0.1081,
      0.1622,
      0.2162,
      0.2703,
      0.3243,
      0.3784,
      0.4324,
      0.4865,
      0.5405,
      0.5946,
      0.6486,
      0.7027,
      0.7568,
      0.8108,
      0.8649,
      0.9189,
      0.973,
      1.027,
      1.0811,
      1.1351,
      1.1892,
      1.2432,
      1.2973,
      1.3514,
      1.4054,
      1.4595,
      1.5135,
      1.5676,
      1.6216,
      1.6757,
      1.7297,
      1.7838,
      1.8378,
      1.8919,
      1.9459
    ],
    "TaskName": "workingmemory",
    "TotalReadoutTime": 0.025822520692561732,
    "UsePhilipsFloatNotDisplayScaling": 1,
    "acq_id": "seq",
    "dataset": "ds002785",
    "modality": "bold",
    "subject_id": "0037",
    "task_id": "workingmemory"
  },
  "dummy_trs": 0,
  "dvars_nstd": 19.72454369006212,
  "dvars_std": 1.2022928443478258,
  "dvars_vstd": 1.0463577663975159,
  "efc": 0.41210019434651907,
  "fber": 152638.203125,
  "fd_mean": 0.10898674521919295,
  "fd_num": 10,
  "fd_perc": 6.172839506172839,
  "fwhm_avg": 1.7723070789980386,
  "fwhm_x": 1.7472566666666667,
  "fwhm_y": 1.84831,
  "fwhm_z": 1.721354570327449,
  "gcor": 0.0213835,
  "gsr_x": -0.022387569770216942,
  "gsr_y": 0.009730310179293156,
  "provenance": {
    "md5sum": "61853365cd402398f89344d8d817fadd",
    "settings": {
      "fd_thres": 0.2,
      "testing": false
    },
    "software": "mriqc",
    "version": "22.0.0rc1",
    "webapi_port": null,
    "webapi_url": "https://mriqc.nimh.nih.gov/api/v1"
  },
  "size_t": 162,
  "size_x": 80,
  "size_y": 80,
  "size_z": 37,
  "snr": 5.904301094941168,
  "spacing_tr": 2.0,
  "spacing_x": 3.0,
  "spacing_y": 3.0,
  "spacing_z": 3.299999952316284,
  "summary_bg_k": 36.702444840703926,
  "summary_bg_mad": 56.681177285193755,
  "summary_bg_mean": 558.1439819335938,
  "summary_bg_median": 52.13612365722656,
  "summary_bg_n": 165035.0,
  "summary_bg_p05": 3.798172760009766,
  "summary_bg_p95": 2933.0646240234346,
  "summary_bg_stdv": 1508.9332275390625,
  "summary_fg_k": 2.020914828664278,
  "summary_fg_mad": 3233.6191441247943,
  "summary_fg_mean": 21244.373046875,
  "summary_fg_median": 20873.12109375,
  "summary_fg_n": 30572.0,
  "summary_fg_p05": 16169.1078125,
  "summary_fg_p95": 27129.362988281246,
  "summary_fg_stdv": 3535.18212890625,
  "tsnr": 68.28468322753906
}