{
  "aor": 0.0015249999999999999,
  "aqi": 0.0033778212500000003,
  "bids_meta": {
    "AcquisitionNumber": 9,
    "BidsifyVersion": "0.3.5",
    "ConversionSoftware": "dcm2niix",
    "ConversionSoftwareVersion": "v1.0.20181125  GCC6.3.0",
    "EchoTime": 0.02762,
    "EffectiveEchoSpacing": 0.0006621159151938905,
    "ImageComments": "Piop",
    "ImageOrientationPatientDICOM": [
      0.997715,
      -0.0577138,
      0.0351187,
      0.0631206,
      0.981633,
      -0.180034
    ],
    "Manufacturer": "Philips",
    "NumberOfVolumesDiscardedByScanner": 2,
    "ParallelAcquisitionTechnique": "SENSE",
    "ParallelReductionFactorInPlane": 2,
    "PatientPosition": "HFS",
    "PhaseEncodingDirection": "j",
    "PhilipsRescaleIntercept": 0,
    "PhilipsRescaleSlope": 0.84103,
    "PhilipsScaleSlope": 0.0541409,
    "ProtocolName": "WIPpiopanticipatieSENSE",
    "PulseSequenceType": "gradient echo EPI",
    "ReconMatrixPE": 80,
    "RepetitionTime": 2,
    "SeriesDescription": "ImageMRSERIES",
    "SeriesNumber": 9,
    "SliceEncodingDirection": "k",
    "SliceTiming": [
      0.0,
      0.0541,
      0.1081,
      0.1622,
      0.2162,
      0.2703,
      0.3243,
      0.3784,
      0.4324,
      0.4865,
      0.5405,
      0.5946,
      0.6486,
      0.7027,
      0.7568,
      0.8108,
      0.8649,
      0.9189,
      0.973,
      1.027,
      1.0811,
      1.1351,
      1.1892,
      1.2432,
      1.2973,
      1.3514,
      1.4054,
      1.4595,
      1.5135,
      1.5676,
      1.6216,
      1.6757,
      1.7297,
      1.7838,
      1.8378,
      1.8919,
      1.9459
    ],
    "TaskName": "anticipation",
    "TotalReadoutTime": 0.025822520692561732,
    "UsePhilipsFloatNotDisplayScaling": 1,
    "acq_id": "seq",
    "dataset": "ds002785",
    "modality": "bold",
    "subject_id": "0182",
    "task_id": "anticipation"
  },
  "dummy_trs": 0,
  "dvars_nstd": 23.501748339296473,
  "dvars_std": 1.325675801708543,
  "dvars_vstd": 1.0125163714572867,
  "efc": 0.40339834380754525,
  "fber": 146287.328125,
  "fd_mean": 0.16164400021717423,
  "fd_num": 53,
  "fd_perc": 26.5,
  "fwhm_avg": 1.8267841497626887,
  "fwhm_x": 1.7929300000000001,
  "fwhm_y": 1.9541133333333331,
  "fwhm_z": 1.7333091159547331,
  "gcor": 0.0223182,
  "gsr_x": -0.025436323136091232,
  "gsr_y": 0.015810899436473846,
  "provenance": {
    "md5sum": "3ed1b5dfed1f356c6276c0b71117bd42",
    "settings": {
      "fd_thres": 0.2,
      "testing": false
    },
    "software": "mriqc",
    "version": "22.0.0rc1",
    "webapi_port": null,
    "webapi_url": "https://mriqc.nimh.nih.gov/api/v1"
  },
  "size_t": 200,
  "size_x": 80,
  "size_y": 80,
  "size_z": 37,
  "snr": 5.0664803745934925,
  "spacing_tr": 2.0,
  "spacing_x": 3.0,
  "spacing_y": 3.0,
  "spacing_z": 3.299999952316284,
  "summary_bg_k": 120.16219389394516,
  "summary_bg_mad": 59.96436659743864,
  "summary_bg_mean": 521.042236328125,
  "summary_bg_median": 61.11103820800781,
  "summary_bg_n": 164465.0,
  "summary_bg_p05": 4.109777545928955,
  "summary_bg_p95": 2593.535449218744,
  "summary_bg_stdv": 1786.1595458984375,
  "summary_fg_k": 2.4844682168860466,
  "summary_fg_mad": 4308.740304845455,
  "summary_fg_mean": 24442.310546875,
  "summary_fg_median": 23816.66015625,
  "summary_fg_n": 31939.0,
  "summary_fg_p05": 18052.47578125,
  "summary_fg_p95": 32024.164062499996,
  "summary_fg_stdv": 4700.755859375,
  "tsnr": 88.46813201904297
}