{
  "aor": 0.0006078079331941546,
  "aqi": 0.006775474947807933,
  "bids_meta": {
    "AcquisitionNumber": 6,
    "BidsifyVersion": "0.3.5",
    "ConversionSoftware": "dcm2niix",
    "ConversionSoftwareVersion": "v1.0.20181125  GCC6.3.0",
    "EchoTime": 0.02762,
    "EffectiveEchoSpacing": 0.0006333282667071997,
    "ImageComments": "Piop",
    "ImageOrientationPatientDICOM": [
      0.997715,
      -0.0577138,
      0.0351187,
      0.0631206,
      0.981633,
      -0.180034
    ],
    "Manufacturer": "Philips",
    "NumberOfVolumesDiscardedByScanner": 2,
    "ParallelAcquisitionTechnique": "SENSE",
    "ParallelReductionFactorInPlane": 2,
    "PatientPosition": "HFS",
    "PhaseEncodingDirection": "j",
    "PhilipsRescaleIntercept": 0,
    "PhilipsRescaleSlope": 0.83443,
    "PhilipsScaleSlope": 0.090459,
    "ProtocolName": "WIPpioprsSENSE",
    "PulseSequenceType": "gradient echo EPI",
    "ReconMatrixPE": 80,
    "RepetitionTime": 0.75,
    "SeriesDescription": "ImageMRSERIES",
    "SeriesNumber": 6,
    "SliceEncodingDirection": "k",
    "SliceTiming": [
      0.0,
      0.06755050505050506,
      0.1351010101010101,
      0.20265151515151517,
      0.2702020202020202,
      0.3377525252525253,
      0.40530303030303033,
      0.47285353535353536,
      0.5404040404040404,
      0.6079545454545455,
      0.6755050505050506,
      0.7430555555555556,
      0.0,
      0.06755050505050506,
      0.1351010101010101,
      0.20265151515151517,
      0.2702020202020202,
      0.3377525252525253,
      0.40530303030303033,
      0.47285353535353536,
      0.5404040404040404,
      0.6079545454545455,
      0.6755050505050506,
      0.7430555555555556,
      0.0,
      0.06755050505050506,
      0.1351010101010101,
      0.20265151515151517,
      0.2702020202020202,
      0.3377525252525253,
      0.40530303030303033,
      0.47285353535353536,
      0.5404040404040404,
      0.6079545454545455,
      0.6755050505050506,
      0.7430555555555556
    ],
    "TaskName": "restingstate",
    "TotalReadoutTime": 0.024699802401580786,
    "UsePhilipsFloatNotDisplayScaling": 1,
    "acq_id": "mb3",
    "dataset": "ds002785",
    "modality": "bold",
    "subject_id": "0182",
    "task_id": "restingstate"
  },
  "dummy_trs": 1,
  "dvars_nstd": 27.350923618158976,
  "dvars_std": 1.1538180155230113,
  "dvars_vstd": 1.0044767505439334,
  "efc": 0.4103472086224919,
  "fber": 151231.484375,
  "fd_mean": 0.12879249290121234,
  "fd_num": 62,
  "fd_perc": 12.943632567849686,
  "fwhm_avg": 1.867645159928255,
  "fwhm_x": 1.8618266666666665,
  "fwhm_y": 1.9943966666666666,
  "fwhm_z": 1.746712146451432,
  "gcor": 0.0126319,
  "gsr_x": -0.026189999654889107,
  "gsr_y": 0.013262939639389515,
  "provenance": {
    "md5sum": "fbf6a49e622b85920e5b45ad757a08e0",
    "settings": {
      "fd_thres": 0.2,
      "testing": false
    },
    "software": "mriqc",
    "version": "22.0.0rc1",
    "webapi_port": null,
    "webapi_url": "https://mriqc.nimh.nih.gov/api/v1"
  },
  "size_t": 479,
  "size_x": 80,
  "size_y": 80,
  "size_z": 36,
  "snr": 6.294597084025887,
  "spacing_tr": 0.75,
  "spacing_x": 3.0,
  "spacing_y": 3.0,
  "spacing_z": 3.299999952316284,
  "summary_bg_k": 89.2262426099629,
  "summary_bg_mad": 44.10734813239811,
  "summary_bg_mean": 354.5628356933594,
  "summary_bg_median": 41.00177001953125,
  "summary_bg_n": 159060.0,
  "summary_bg_p05": 2.1618042469024656,
  "summary_bg_p95": 1785.618103027343,
  "summary_bg_stdv": 1135.29052734375,
  "summary_fg_k": 1.0321884107661026,
  "summary_fg_mad": 2438.608452940661,
  "summary_fg_mean": 16387.009765625,
  "summary_fg_median": 16284.6953125,
  "summary_fg_n": 31419.0,
  "summary_fg_p05": 12378.144921875,
  "summary_fg_p95": 20569.8880859375,
  "summary_fg_stdv": 2587.0498046875,
  "tsnr": 58.046913146972656
}