{
  "aor": 0.0012797551020408166,
  "aqi": 0.004407902081632653,
  "bids_meta": {
    "AcquisitionNumber": 3,
    "BidsifyVersion": "0.3.5",
    "ConversionSoftware": "dcm2niix",
    "ConversionSoftwareVersion": "v1.0.20181125  GCC6.3.0",
    "EchoTime": 0.02762,
    "EffectiveEchoSpacing": 0.0006621159151938905,
    "ImageComments": "Piop",
    "ImageOrientationPatientDICOM": [
      0.997715,
      -0.0577138,
      0.0351187,
      0.0631206,
      0.981633,
      -0.180034
    ],
    "Manufacturer": "Philips",
    "NumberOfVolumesDiscardedByScanner": 2,
    "ParallelAcquisitionTechnique": "SENSE",
    "ParallelReductionFactorInPlane": 2,
    "PatientPosition": "HFS",
    "PhaseEncodingDirection": "j",
    "PhilipsRescaleIntercept": 0,
    "PhilipsRescaleSlope": 0.8083,
    "PhilipsScaleSlope": 0.055631,
    "ProtocolName": "WIPpiopgstroopSENSE",
    "PulseSequenceType": "gradient echo EPI",
    "ReconMatrixPE": 80,
    "RepetitionTime": 2,
    "SeriesDescription": "ImageMRSERIES",
    "SeriesNumber": 3,
    "SliceEncodingDirection": "k",
    "SliceTiming": [
      0.0,
      0.0541,
      0.1081,
      0.1622,
      0.2162,
      0.2703,
      0.3243,
      0.3784,
      0.4324,
      0.4865,
      0.5405,
      0.5946,
      0.6486,
      0.7027,
      0.7568,
      0.8108,
      0.8649,
      0.9189,
      0.973,
      1.027,
      1.0811,
      1.1351,
      1.1892,
      1.2432,
      1.2973,
      1.3514,
      1.4054,
      1.4595,
      1.5135,
      1.5676,
      1.6216,
      1.6757,
      1.7297,
      1.7838,
      1.8378,
      1.8919,
      1.9459
    ],
    "TaskName": "gstroop",
    "TotalReadoutTime": 0.025822520692561732,
    "UsePhilipsFloatNotDisplayScaling": 1,
    "acq_id": "seq",
    "dataset": "ds002785",
    "modality": "bold",
    "subject_id": "0182",
    "task_id": "gstroop"
  },
  "dummy_trs": 0,
  "dvars_nstd": 22.51172512877049,
  "dvars_std": 1.2375715833606562,
  "dvars_vstd": 0.9914940497950824,
  "efc": 0.4015039384826045,
  "fber": 146589.65625,
  "fd_mean": 0.1569701955499242,
  "fd_num": 56,
  "fd_perc": 22.857142857142858,
  "fwhm_avg": 1.7893686950203838,
  "fwhm_x": 1.7496633333333333,
  "fwhm_y": 1.9260033333333333,
  "fwhm_z": 1.6924394183944849,
  "gcor": 0.0516058,
  "gsr_x": -0.024092433974146843,
  "gsr_y": 0.016511492431163788,
  "provenance": {
    "md5sum": "555f1700f26c52366506ee20b4cfbb7e",
    "settings": {
      "fd_thres": 0.2,
      "testing": false
    },
    "software": "mriqc",
    "version": "22.0.0rc1",
    "webapi_port": null,
    "webapi_url": "https://mriqc.nimh.nih.gov/api/v1"
  },
  "size_t": 245,
  "size_x": 80,
  "size_y": 80,
  "size_z": 37,
  "snr": 5.294634410109392,
  "spacing_tr": 2.0,
  "spacing_x": 3.0,
  "spacing_y": 3.0,
  "spacing_z": 3.299999952316284,
  "summary_bg_k": 143.40918166099476,
  "summary_bg_mad": 60.71579702711588,
  "summary_bg_mean": 492.5279541015625,
  "summary_bg_median": 61.796993255615234,
  "summary_bg_n": 164375.0,
  "summary_bg_p05": 4.952998161315918,
  "summary_bg_p95": 2367.241113281242,
  "summary_bg_stdv": 1747.58740234375,
  "summary_fg_k": 2.4302212680754884,
  "summary_fg_mad": 4163.025409850494,
  "summary_fg_mean": 24768.287109375,
  "summary_fg_median": 24160.05859375,
  "summary_fg_n": 31951.0,
  "summary_fg_p05": 18587.4990234375,
  "summary_fg_p95": 32143.4619140625,
  "summary_fg_stdv": 4563.0498046875,
  "tsnr": 80.38616180419922
}