{
  "aor": 0.00030375757575757577,
  "aqi": 0.007228267969696971,
  "bids_meta": {
    "AcquisitionNumber": 2,
    "BidsifyVersion": "0.3.5",
    "ConversionSoftware": "dcm2niix",
    "ConversionSoftwareVersion": "v1.0.20181125  GCC6.3.0",
    "EchoTime": 0.02762,
    "EffectiveEchoSpacing": 0.0006333282667071997,
    "ImageComments": "piop",
    "ImageOrientationPatientDICOM": [
      0.998722,
      -0.0308156,
      0.0400629,
      0.0378433,
      0.98133,
      -0.188571
    ],
    "Manufacturer": "Philips",
    "NumberOfVolumesDiscardedByScanner": 2,
    "ParallelAcquisitionTechnique": "SENSE",
    "ParallelReductionFactorInPlane": 2,
    "PatientPosition": "HFS",
    "PhaseEncodingDirection": "j",
    "PhilipsRescaleIntercept": 0,
    "PhilipsRescaleSlope": 0.76093,
    "PhilipsScaleSlope": 0.0975285,
    "ProtocolName": "WIPpiopfacesSENSE",
    "PulseSequenceType": "gradient echo EPI",
    "ReconMatrixPE": 80,
    "RepetitionTime": 0.75,
    "SeriesDescription": "ImageMRSERIES",
    "SeriesNumber": 2,
    "SliceEncodingDirection": "k",
    "SliceTiming": [
      0.0,
      0.06755050505050506,
      0.1351010101010101,
      0.20265151515151517,
      0.2702020202020202,
      0.3377525252525253,
      0.40530303030303033,
      0.47285353535353536,
      0.5404040404040404,
      0.6079545454545455,
      0.6755050505050506,
      0.7430555555555556,
      0.0,
      0.06755050505050506,
      0.1351010101010101,
      0.20265151515151517,
      0.2702020202020202,
      0.3377525252525253,
      0.40530303030303033,
      0.47285353535353536,
      0.5404040404040404,
      0.6079545454545455,
      0.6755050505050506,
      0.7430555555555556,
      0.0,
      0.06755050505050506,
      0.1351010101010101,
      0.20265151515151517,
      0.2702020202020202,
      0.3377525252525253,
      0.40530303030303033,
      0.47285353535353536,
      0.5404040404040404,
      0.6079545454545455,
      0.6755050505050506,
      0.7430555555555556
    ],
    "TaskName": "faces",
    "TotalReadoutTime": 0.024699802401580786,
    "UsePhilipsFloatNotDisplayScaling": 1,
    "acq_id": "mb3",
    "dataset": "ds002785",
    "modality": "bold",
    "subject_id": "0029",
    "task_id": "faces"
  },
  "dummy_trs": 0,
  "dvars_nstd": 24.788646454589664,
  "dvars_std": 1.1026541290881455,
  "dvars_vstd": 0.9998558994528871,
  "efc": 0.4268115692080012,
  "fber": 202987.390625,
  "fd_mean": 0.10586362180215692,
  "fd_num": 10,
  "fd_perc": 3.0303030303030303,
  "fwhm_avg": 1.9777749008113599,
  "fwhm_x": 1.9620466666666667,
  "fwhm_y": 2.160623333333333,
  "fwhm_z": 1.8106547024340804,
  "gcor": 0.0123742,
  "gsr_x": -0.026374200358986855,
  "gsr_y": 0.0166062880307436,
  "provenance": {
    "md5sum": "df17cacce0ca40ded7518a498f66eca7",
    "settings": {
      "fd_thres": 0.2,
      "testing": false
    },
    "software": "mriqc",
    "version": "22.0.0rc1",
    "webapi_port": null,
    "webapi_url": "https://mriqc.nimh.nih.gov/api/v1"
  },
  "size_t": 330,
  "size_x": 80,
  "size_y": 80,
  "size_z": 36,
  "snr": 6.5262828961492065,
  "spacing_tr": 0.75,
  "spacing_x": 3.0,
  "spacing_y": 3.0,
  "spacing_z": 3.299999713897705,
  "summary_bg_k": 53.99623464083473,
  "summary_bg_mad": 43.89205765578912,
  "summary_bg_mean": 407.73974609375,
  "summary_bg_median": 38.86662673950195,
  "summary_bg_n": 156196.0,
  "summary_bg_p05": 1.4775523245334625,
  "summary_bg_p95": 2158.52685546875,
  "summary_bg_stdv": 1165.274169921875,
  "summary_fg_k": 0.6159583299312006,
  "summary_fg_mad": 2696.23954548059,
  "summary_fg_mean": 17752.26953125,
  "summary_fg_median": 17696.201171875,
  "summary_fg_n": 33826.0,
  "summary_fg_p05": 13509.897705078125,
  "summary_fg_p95": 22194.67041015625,
  "summary_fg_stdv": 2711.48828125,
  "tsnr": 56.96148681640625
}