{
  "aor": 0.00032157232704402517,
  "aqi": 0.008731205513626834,
  "bids_meta": {
    "AcquisitionNumber": 6,
    "BidsifyVersion": "0.3.5",
    "ConversionSoftware": "dcm2niix",
    "ConversionSoftwareVersion": "v1.0.20181125  GCC6.3.0",
    "EchoTime": 0.02762,
    "EffectiveEchoSpacing": 0.0006333282667071997,
    "ImageComments": "piop",
    "ImageOrientationPatientDICOM": [
      0.998722,
      -0.0308156,
      0.0400629,
      0.0378433,
      0.98133,
      -0.188571
    ],
    "Manufacturer": "Philips",
    "NumberOfVolumesDiscardedByScanner": 2,
    "ParallelAcquisitionTechnique": "SENSE",
    "ParallelReductionFactorInPlane": 2,
    "PatientPosition": "HFS",
    "PhaseEncodingDirection": "j",
    "PhilipsRescaleIntercept": 0,
    "PhilipsRescaleSlope": 0.77338,
    "PhilipsScaleSlope": 0.093643,
    "ProtocolName": "WIPpioprsSENSE",
    "PulseSequenceType": "gradient echo EPI",
    "ReconMatrixPE": 80,
    "RepetitionTime": 0.75,
    "SeriesDescription": "ImageMRSERIES",
    "SeriesNumber": 6,
    "SliceEncodingDirection": "k",
    "SliceTiming": [
      0.0,
      0.06755050505050506,
      0.1351010101010101,
      0.20265151515151517,
      0.2702020202020202,
      0.3377525252525253,
      0.40530303030303033,
      0.47285353535353536,
      0.5404040404040404,
      0.6079545454545455,
      0.6755050505050506,
      0.7430555555555556,
      0.0,
      0.06755050505050506,
      0.1351010101010101,
      0.20265151515151517,
      0.2702020202020202,
      0.3377525252525253,
      0.40530303030303033,
      0.47285353535353536,
      0.5404040404040404,
      0.6079545454545455,
      0.6755050505050506,
      0.7430555555555556,
      0.0,
      0.06755050505050506,
      0.1351010101010101,
      0.20265151515151517,
      0.2702020202020202,
      0.3377525252525253,
      0.40530303030303033,
      0.47285353535353536,
      0.5404040404040404,
      0.6079545454545455,
      0.6755050505050506,
      0.7430555555555556
    ],
    "TaskName": "restingstate",
    "TotalReadoutTime": 0.024699802401580786,
    "UsePhilipsFloatNotDisplayScaling": 1,
    "acq_id": "mb3",
    "dataset": "ds002785",
    "modality": "bold",
    "subject_id": "0029",
    "task_id": "restingstate"
  },
  "dummy_trs": 3,
  "dvars_nstd": 30.077604714516834,
  "dvars_std": 1.121909225567226,
  "dvars_vstd": 1.0034163636134463,
  "efc": 0.4272362218004244,
  "fber": 190888.140625,
  "fd_mean": 0.08815535278923459,
  "fd_num": 4,
  "fd_perc": 0.8385744234800838,
  "fwhm_avg": 1.7749703111090367,
  "fwhm_x": 1.7202766666666667,
  "fwhm_y": 1.9273433333333332,
  "fwhm_z": 1.6772909333271102,
  "gcor": 0.0100175,
  "gsr_x": -0.02629079483449459,
  "gsr_y": 0.01657947339117527,
  "provenance": {
    "md5sum": "17a489918a5979fa0070972315f384f0",
    "settings": {
      "fd_thres": 0.2,
      "testing": false
    },
    "software": "mriqc",
    "version": "22.0.0rc1",
    "webapi_port": null,
    "webapi_url": "https://mriqc.nimh.nih.gov/api/v1"
  },
  "size_t": 477,
  "size_x": 80,
  "size_y": 80,
  "size_z": 36,
  "snr": 6.353951763861486,
  "spacing_tr": 0.75,
  "spacing_x": 3.0,
  "spacing_y": 3.0,
  "spacing_z": 3.299999952316284,
  "summary_bg_k": 51.883401164161526,
  "summary_bg_mad": 44.41378411187149,
  "summary_bg_mean": 423.82928466796875,
  "summary_bg_median": 39.04525375366211,
  "summary_bg_n": 156205.0,
  "summary_bg_p05": 0.8336110353469849,
  "summary_bg_p95": 2290.725927734369,
  "summary_bg_stdv": 1230.75927734375,
  "summary_fg_k": 0.8380884180557717,
  "summary_fg_mad": 2708.329124117818,
  "summary_fg_mean": 17490.48046875,
  "summary_fg_median": 17412.6953125,
  "summary_fg_n": 33915.0,
  "summary_fg_p05": 13242.9099609375,
  "summary_fg_p95": 21945.1296875,
  "summary_fg_stdv": 2740.410888671875,
  "tsnr": 50.67952346801758
}