{
  "aor": 0.008600740740740742,
  "aqi": 0.006122923925925926,
  "bids_meta": {
    "AcquisitionNumber": 5,
    "BidsifyVersion": "0.3.5",
    "ConversionSoftware": "dcm2niix",
    "ConversionSoftwareVersion": "v1.0.20181125  GCC6.3.0",
    "EchoTime": 0.02762,
    "EffectiveEchoSpacing": 0.0006621159151938905,
    "ImageComments": "PIOP",
    "ImageOrientationPatientDICOM": [
      0.996676,
      0.0718753,
      -0.0383408,
      -0.0805408,
      0.940023,
      -0.331467
    ],
    "Manufacturer": "Philips",
    "NumberOfVolumesDiscardedByScanner": 2,
    "ParallelAcquisitionTechnique": "SENSE",
    "ParallelReductionFactorInPlane": 2,
    "PatientPosition": "HFS",
    "PhaseEncodingDirection": "j",
    "PhilipsRescaleIntercept": 0,
    "PhilipsRescaleSlope": 0.79121,
    "PhilipsScaleSlope": 0.0542829,
    "ProtocolName": "WIPpiopharririSENSE",
    "PulseSequenceType": "gradient echo EPI",
    "ReconMatrixPE": 80,
    "RepetitionTime": 2,
    "SeriesDescription": "ImageMRSERIES",
    "SeriesNumber": 5,
    "SliceEncodingDirection": "k",
    "SliceTiming": [
      0.0,
      0.0541,
      0.1081,
      0.1622,
      0.2162,
      0.2703,
      0.3243,
      0.3784,
      0.4324,
      0.4865,
      0.5405,
      0.5946,
      0.6486,
      0.7027,
      0.7568,
      0.8108,
      0.8649,
      0.9189,
      0.973,
      1.027,
      1.0811,
      1.1351,
      1.1892,
      1.2432,
      1.2973,
      1.3514,
      1.4054,
      1.4595,
      1.5135,
      1.5676,
      1.6216,
      1.6757,
      1.7297,
      1.7838,
      1.8378,
      1.8919,
      1.9459
    ],
    "TaskName": "emomatching",
    "TotalReadoutTime": 0.025822520692561732,
    "UsePhilipsFloatNotDisplayScaling": 1,
    "acq_id": "seq",
    "dataset": "ds002785",
    "modality": "bold",
    "subject_id": "0057",
    "task_id": "emomatching"
  },
  "dummy_trs": 0,
  "dvars_nstd": 24.18079426029851,
  "dvars_std": 1.4478989305223877,
  "dvars_vstd": 1.076300679477612,
  "efc": 0.3750214680327605,
  "fber": 176296.0,
  "fd_mean": 0.131418608256677,
  "fd_num": 19,
  "fd_perc": 14.074074074074074,
  "fwhm_avg": 1.7588872809061467,
  "fwhm_x": 1.6891033333333334,
  "fwhm_y": 1.8894766666666667,
  "fwhm_z": 1.69808184271844,
  "gcor": 0.0353296,
  "gsr_x": -0.021386556327342987,
  "gsr_y": 0.00552236195653677,
  "provenance": {
    "md5sum": "fa9faee1c97404ab4a9821969f1cdd88",
    "settings": {
      "fd_thres": 0.2,
      "testing": false
    },
    "software": "mriqc",
    "version": "22.0.0rc1",
    "webapi_port": null,
    "webapi_url": "https://mriqc.nimh.nih.gov/api/v1"
  },
  "size_t": 135,
  "size_x": 80,
  "size_y": 80,
  "size_z": 37,
  "snr": 5.010005679480528,
  "spacing_tr": 2.0,
  "spacing_x": 3.0,
  "spacing_y": 3.0,
  "spacing_z": 3.299999952316284,
  "summary_bg_k": 169.54374483403063,
  "summary_bg_mad": 60.377648243650356,
  "summary_bg_mean": 402.2276306152344,
  "summary_bg_median": 59.26472473144531,
  "summary_bg_n": 168484.0,
  "summary_bg_p05": 3.3950140476226807,
  "summary_bg_p95": 1860.9041137695333,
  "summary_bg_stdv": 1426.435546875,
  "summary_fg_k": 2.121475380993849,
  "summary_fg_mad": 4580.767407012923,
  "summary_fg_mean": 26159.00390625,
  "summary_fg_median": 25514.9921875,
  "summary_fg_n": 28066.0,
  "summary_fg_p05": 19144.98681640625,
  "summary_fg_p95": 34815.697265625,
  "summary_fg_stdv": 5092.71630859375,
  "tsnr": 69.30839538574219
}