{
  "bids_meta": {
    "AcquisitionNumber": 4,
    "BidsifyVersion": "0.3.5",
    "ConversionSoftware": "dcm2niix",
    "ConversionSoftwareVersion": "v1.0.20181125  GCC6.3.0",
    "EchoTime": 0.00373,
    "ImageComments": "piop",
    "ImageOrientationPatientDICOM": [
      0.998986,
      0.0269278,
      0.0360694,
      -0.0284277,
      0.998724,
      0.0417384
    ],
    "Manufacturer": "Philips",
    "PatientPosition": "HFS",
    "PhilipsRescaleIntercept": 0,
    "PhilipsRescaleSlope": 9.14408,
    "PhilipsScaleSlope": 0.00757524,
    "ProtocolName": "WIPt13dSENSE",
    "ReconMatrixPE": 240,
    "RepetitionTime": 0.008157,
    "SeriesDescription": "ImageMRSERIES",
    "SeriesNumber": 4,
    "UsePhilipsFloatNotDisplayScaling": 1,
    "dataset": "ds002785",
    "modality": "T1w",
    "subject_id": "0126"
  },
  "cjv": 0.3411135264914414,
  "cnr": 3.614743304640182,
  "efc": 0.7566223192464931,
  "fber": 502.7736511230469,
  "fwhm_avg": 3.52529,
  "fwhm_x": 3.49021,
  "fwhm_y": 3.70959,
  "fwhm_z": 3.37607,
  "icvs_csf": 0.19035571450163544,
  "icvs_gm": 0.44491967258345216,
  "icvs_wm": 0.36472461291491237,
  "inu_med": 0.7338110208511353,
  "inu_range": 0.2876168847084045,
  "provenance": {
    "md5sum": "3de3ca262a8104328139a09e36f911e7",
    "settings": {
      "testing": false
    },
    "software": "mriqc",
    "version": "22.0.0rc1",
    "warnings": {
      "large_rot_frame": true,
      "small_air_mask": true
    },
    "webapi_port": null,
    "webapi_url": "https://mriqc.nimh.nih.gov/api/v1"
  },
  "qi_1": 0.0,
  "qi_2": 0.00012846454993817313,
  "rpve_csf": 29.226157734075127,
  "rpve_gm": 14.089695540584257,
  "rpve_wm": 21.230240468773427,
  "size_x": 240,
  "size_y": 240,
  "size_z": 220,
  "snr_csf": 2.1599362458290425,
  "snr_gm": 6.935134540871718,
  "snr_total": 9.26790971500339,
  "snr_wm": 18.708658358309407,
  "snrd_csf": 17.37750821962166,
  "snrd_gm": 33.277153127523356,
  "snrd_total": 34.7911972890426,
  "snrd_wm": 53.71893051998278,
  "spacing_x": 1.0,
  "spacing_y": 1.0,
  "spacing_z": 1.0,
  "summary_bg_k": 71.37797930510051,
  "summary_bg_mad": 12.19547697779628,
  "summary_bg_mean": 18.331239700317383,
  "summary_bg_median": 16.43588638305664,
  "summary_bg_n": 232566.0,
  "summary_bg_p05": 0.0,
  "summary_bg_p95": 48.5388069152832,
  "summary_bg_stdv": 15.718482971191406,
  "summary_csf_k": -0.08494205010797362,
  "summary_csf_mad": 188.30921335783052,
  "summary_csf_mean": 295.76727294921875,
  "summary_csf_median": 323.4853210449219,
  "summary_csf_n": 5039.0,
  "summary_csf_p05": 72.95646209716797,
  "summary_csf_p95": 502.9521362304685,
  "summary_csf_stdv": 149.75128173828125,
  "summary_gm_k": 0.5319012919554789,
  "summary_gm_mad": 81.35567020533043,
  "summary_gm_mean": 628.1530151367188,
  "summary_gm_median": 619.4599609375,
  "summary_gm_n": 16978.0,
  "summary_gm_p05": 496.02979888916013,
  "summary_gm_p95": 791.9589782714844,
  "summary_gm_stdv": 89.31935119628906,
  "summary_wm_k": 0.9610152665845546,
  "summary_wm_mad": 48.44731230781824,
  "summary_wm_mean": 996.8432006835938,
  "summary_wm_median": 999.9871826171875,
  "summary_wm_n": 197800.0,
  "summary_wm_p05": 903.0237548828125,
  "summary_wm_p95": 1077.5551330566407,
  "summary_wm_stdv": 53.45036697387695,
  "tpm_overlap_csf": 0.1670403629541397,
  "tpm_overlap_gm": 0.45831793546676636,
  "tpm_overlap_wm": 0.5135899186134338,
  "wm2max": 0.5701103349647452
}