{
  "aor": 0.010557,
  "aqi": 0.0060778147499999996,
  "bids_meta": {
    "AcquisitionNumber": 3,
    "BidsifyVersion": "0.3.5",
    "ConversionSoftware": "dcm2niix",
    "ConversionSoftwareVersion": "v1.0.20181125  GCC6.3.0",
    "EchoTime": 0.02762,
    "EffectiveEchoSpacing": 0.0006621159151938905,
    "ImageComments": "piop",
    "ImageOrientationPatientDICOM": [
      0.999497,
      0.0316598,
      0.00182407,
      -0.0305374,
      0.976385,
      -0.213868
    ],
    "Manufacturer": "Philips",
    "NumberOfVolumesDiscardedByScanner": 2,
    "ParallelAcquisitionTechnique": "SENSE",
    "ParallelReductionFactorInPlane": 2,
    "PatientPosition": "HFS",
    "PhaseEncodingDirection": "j",
    "PhilipsRescaleIntercept": 0,
    "PhilipsRescaleSlope": 0.75458,
    "PhilipsScaleSlope": 0.0531388,
    "ProtocolName": "WIPpiopgstroopSENSE",
    "PulseSequenceType": "gradient echo EPI",
    "ReconMatrixPE": 80,
    "RepetitionTime": 2,
    "SeriesDescription": "ImageMRSERIES",
    "SeriesNumber": 3,
    "SliceEncodingDirection": "k",
    "SliceTiming": [
      0.0,
      0.0541,
      0.1081,
      0.1622,
      0.2162,
      0.2703,
      0.3243,
      0.3784,
      0.4324,
      0.4865,
      0.5405,
      0.5946,
      0.6486,
      0.7027,
      0.7568,
      0.8108,
      0.8649,
      0.9189,
      0.973,
      1.027,
      1.0811,
      1.1351,
      1.1892,
      1.2432,
      1.2973,
      1.3514,
      1.4054,
      1.4595,
      1.5135,
      1.5676,
      1.6216,
      1.6757,
      1.7297,
      1.7838,
      1.8378,
      1.8919,
      1.9459
    ],
    "TaskName": "gstroop",
    "TotalReadoutTime": 0.025822520692561732,
    "UsePhilipsFloatNotDisplayScaling": 1,
    "acq_id": "seq",
    "dataset": "ds002785",
    "modality": "bold",
    "subject_id": "0142",
    "task_id": "gstroop"
  },
  "dummy_trs": 5,
  "dvars_nstd": 24.022990446234306,
  "dvars_std": 1.367252311046025,
  "dvars_vstd": 1.1030261675732218,
  "efc": 0.41534035031575717,
  "fber": 223893.921875,
  "fd_mean": 0.13688696494862948,
  "fd_num": 28,
  "fd_perc": 11.666666666666666,
  "fwhm_avg": 1.901490816950826,
  "fwhm_x": 1.85042,
  "fwhm_y": 2.0124766666666667,
  "fwhm_z": 1.8415757841858111,
  "gcor": 0.0230349,
  "gsr_x": -0.021819571033120155,
  "gsr_y": 0.014684146270155907,
  "provenance": {
    "md5sum": "9d8f84849b6adb26040fbed6b4b02d4c",
    "settings": {
      "fd_thres": 0.2,
      "testing": false
    },
    "software": "mriqc",
    "version": "22.0.0rc1",
    "webapi_port": null,
    "webapi_url": "https://mriqc.nimh.nih.gov/api/v1"
  },
  "size_t": 240,
  "size_x": 80,
  "size_y": 80,
  "size_z": 37,
  "snr": 4.749514608368319,
  "spacing_tr": 2.0,
  "spacing_x": 3.0,
  "spacing_y": 3.0,
  "spacing_z": 3.299999952316284,
  "summary_bg_k": 134.58711202139168,
  "summary_bg_mad": 51.38575548747694,
  "summary_bg_mean": 417.984375,
  "summary_bg_median": 52.80467987060547,
  "summary_bg_n": 159216.0,
  "summary_bg_p05": 3.4860081672668457,
  "summary_bg_p95": 1960.5141906738281,
  "summary_bg_stdv": 1488.0777587890625,
  "summary_fg_k": 1.5914391821573233,
  "summary_fg_mad": 4783.1585362299575,
  "summary_fg_mean": 26341.0234375,
  "summary_fg_median": 25569.888671875,
  "summary_fg_n": 36253.0,
  "summary_fg_p05": 18977.573046875,
  "summary_fg_p95": 35842.67265625001,
  "summary_fg_stdv": 5383.6103515625,
  "tsnr": 70.075439453125
}