{
  "aor": 0.005524814814814814,
  "aqi": 0.005856044320987654,
  "bids_meta": {
    "AcquisitionNumber": 8,
    "BidsifyVersion": "0.3.5",
    "ConversionSoftware": "dcm2niix",
    "ConversionSoftwareVersion": "v1.0.20181125  GCC6.3.0",
    "EchoTime": 0.02762,
    "EffectiveEchoSpacing": 0.0006621159151938905,
    "ImageComments": "piop",
    "ImageOrientationPatientDICOM": [
      0.999497,
      0.0316598,
      0.00182407,
      -0.0305374,
      0.976385,
      -0.213868
    ],
    "Manufacturer": "Philips",
    "NumberOfVolumesDiscardedByScanner": 2,
    "ParallelAcquisitionTechnique": "SENSE",
    "ParallelReductionFactorInPlane": 2,
    "PatientPosition": "HFS",
    "PhaseEncodingDirection": "j",
    "PhilipsRescaleIntercept": 0,
    "PhilipsRescaleSlope": 0.7939,
    "PhilipsScaleSlope": 0.051479,
    "ProtocolName": "WIPpiopwmSENSE",
    "PulseSequenceType": "gradient echo EPI",
    "ReconMatrixPE": 80,
    "RepetitionTime": 2,
    "SeriesDescription": "ImageMRSERIES",
    "SeriesNumber": 8,
    "SliceEncodingDirection": "k",
    "SliceTiming": [
      0.0,
      0.0541,
      0.1081,
      0.1622,
      0.2162,
      0.2703,
      0.3243,
      0.3784,
      0.4324,
      0.4865,
      0.5405,
      0.5946,
      0.6486,
      0.7027,
      0.7568,
      0.8108,
      0.8649,
      0.9189,
      0.973,
      1.027,
      1.0811,
      1.1351,
      1.1892,
      1.2432,
      1.2973,
      1.3514,
      1.4054,
      1.4595,
      1.5135,
      1.5676,
      1.6216,
      1.6757,
      1.7297,
      1.7838,
      1.8378,
      1.8919,
      1.9459
    ],
    "TaskName": "workingmemory",
    "TotalReadoutTime": 0.025822520692561732,
    "UsePhilipsFloatNotDisplayScaling": 1,
    "acq_id": "seq",
    "dataset": "ds002785",
    "modality": "bold",
    "subject_id": "0142",
    "task_id": "workingmemory"
  },
  "dummy_trs": 0,
  "dvars_nstd": 26.035742433788823,
  "dvars_std": 1.376612291677018,
  "dvars_vstd": 1.030834980124224,
  "efc": 0.41513861339926555,
  "fber": 209048.796875,
  "fd_mean": 0.14904252450617803,
  "fd_num": 18,
  "fd_perc": 11.11111111111111,
  "fwhm_avg": 1.9512552616240557,
  "fwhm_x": 1.9043266666666667,
  "fwhm_y": 2.0603633333333335,
  "fwhm_z": 1.8890757848721675,
  "gcor": 0.0219776,
  "gsr_x": -0.021790271624922752,
  "gsr_y": 0.014621365815401077,
  "provenance": {
    "md5sum": "1a7484936e988cf22d5580b44356355c",
    "settings": {
      "fd_thres": 0.2,
      "testing": false
    },
    "software": "mriqc",
    "version": "22.0.0rc1",
    "webapi_port": null,
    "webapi_url": "https://mriqc.nimh.nih.gov/api/v1"
  },
  "size_t": 162,
  "size_x": 80,
  "size_y": 80,
  "size_z": 37,
  "snr": 4.569865975734609,
  "spacing_tr": 2.0,
  "spacing_x": 3.0,
  "spacing_y": 3.0,
  "spacing_z": 3.299999952316284,
  "summary_bg_k": 131.23459471308476,
  "summary_bg_mad": 58.700359185781,
  "summary_bg_mean": 408.9510803222656,
  "summary_bg_median": 54.3066520690918,
  "summary_bg_n": 159226.0,
  "summary_bg_p05": 3.2470608949661255,
  "summary_bg_p95": 1969.5075073242188,
  "summary_bg_stdv": 1392.6011962890625,
  "summary_fg_k": 1.4217950832077593,
  "summary_fg_mad": 4987.702623942028,
  "summary_fg_mean": 26218.640625,
  "summary_fg_median": 25403.3203125,
  "summary_fg_n": 36268.0,
  "summary_fg_p05": 18512.773828125,
  "summary_fg_p95": 36081.7220703125,
  "summary_fg_stdv": 5558.7998046875,
  "tsnr": 66.02378845214844
}