{
  "aor": 0.006479407407407407,
  "aqi": 0.004662857555555556,
  "bids_meta": {
    "AcquisitionNumber": 5,
    "BidsifyVersion": "0.3.5",
    "ConversionSoftware": "dcm2niix",
    "ConversionSoftwareVersion": "v1.0.20181125  GCC6.3.0",
    "EchoTime": 0.02762,
    "EffectiveEchoSpacing": 0.0006621159151938905,
    "ImageComments": "piop",
    "ImageOrientationPatientDICOM": [
      0.999497,
      0.0316598,
      0.00182407,
      -0.0305374,
      0.976385,
      -0.213868
    ],
    "Manufacturer": "Philips",
    "NumberOfVolumesDiscardedByScanner": 2,
    "ParallelAcquisitionTechnique": "SENSE",
    "ParallelReductionFactorInPlane": 2,
    "PatientPosition": "HFS",
    "PhaseEncodingDirection": "j",
    "PhilipsRescaleIntercept": 0,
    "PhilipsRescaleSlope": 0.78632,
    "PhilipsScaleSlope": 0.0519931,
    "ProtocolName": "WIPpiopharririSENSE",
    "PulseSequenceType": "gradient echo EPI",
    "ReconMatrixPE": 80,
    "RepetitionTime": 2,
    "SeriesDescription": "ImageMRSERIES",
    "SeriesNumber": 5,
    "SliceEncodingDirection": "k",
    "SliceTiming": [
      0.0,
      0.0541,
      0.1081,
      0.1622,
      0.2162,
      0.2703,
      0.3243,
      0.3784,
      0.4324,
      0.4865,
      0.5405,
      0.5946,
      0.6486,
      0.7027,
      0.7568,
      0.8108,
      0.8649,
      0.9189,
      0.973,
      1.027,
      1.0811,
      1.1351,
      1.1892,
      1.2432,
      1.2973,
      1.3514,
      1.4054,
      1.4595,
      1.5135,
      1.5676,
      1.6216,
      1.6757,
      1.7297,
      1.7838,
      1.8378,
      1.8919,
      1.9459
    ],
    "TaskName": "emomatching",
    "TotalReadoutTime": 0.025822520692561732,
    "UsePhilipsFloatNotDisplayScaling": 1,
    "acq_id": "seq",
    "dataset": "ds002785",
    "modality": "bold",
    "subject_id": "0142",
    "task_id": "emomatching"
  },
  "dummy_trs": 0,
  "dvars_nstd": 26.514621848208957,
  "dvars_std": 1.4249722290298508,
  "dvars_vstd": 1.0676120032835816,
  "efc": 0.41474689674188164,
  "fber": 220517.625,
  "fd_mean": 0.1569972300123966,
  "fd_num": 17,
  "fd_perc": 12.592592592592593,
  "fwhm_avg": 1.9594799081593157,
  "fwhm_x": 1.9083533333333333,
  "fwhm_y": 2.06635,
  "fwhm_z": 1.9037363911446137,
  "gcor": 0.0365351,
  "gsr_x": -0.021854406222701073,
  "gsr_y": 0.014514864422380924,
  "provenance": {
    "md5sum": "87e65ad6141c65ce2e214e128285d6f0",
    "settings": {
      "fd_thres": 0.2,
      "testing": false
    },
    "software": "mriqc",
    "version": "22.0.0rc1",
    "webapi_port": null,
    "webapi_url": "https://mriqc.nimh.nih.gov/api/v1"
  },
  "size_t": 135,
  "size_x": 80,
  "size_y": 80,
  "size_z": 37,
  "snr": 4.570592951836348,
  "spacing_tr": 2.0,
  "spacing_x": 3.0,
  "spacing_y": 3.0,
  "spacing_z": 3.299999952316284,
  "summary_bg_k": 128.1861944864559,
  "summary_bg_mad": 52.50310691052712,
  "summary_bg_mean": 414.0395202636719,
  "summary_bg_median": 53.33795166015625,
  "summary_bg_n": 159211.0,
  "summary_bg_p05": 2.9980340003967285,
  "summary_bg_p95": 1972.77587890625,
  "summary_bg_stdv": 1432.33935546875,
  "summary_fg_k": 1.3264194677540946,
  "summary_fg_mad": 5027.6807611074355,
  "summary_fg_mean": 26462.9375,
  "summary_fg_median": 25648.421875,
  "summary_fg_n": 36197.0,
  "summary_fg_p05": 18644.867578125002,
  "summary_fg_p95": 36421.11562499998,
  "summary_fg_stdv": 5611.54052734375,
  "tsnr": 75.52751159667969
}