{
  "aor": 0.0062032,
  "aqi": 0.005873742100000001,
  "bids_meta": {
    "AcquisitionNumber": 9,
    "BidsifyVersion": "0.3.5",
    "ConversionSoftware": "dcm2niix",
    "ConversionSoftwareVersion": "v1.0.20181125  GCC6.3.0",
    "EchoTime": 0.02762,
    "EffectiveEchoSpacing": 0.0006621159151938905,
    "ImageComments": "piop",
    "ImageOrientationPatientDICOM": [
      0.999497,
      0.0316598,
      0.00182407,
      -0.0305374,
      0.976385,
      -0.213868
    ],
    "Manufacturer": "Philips",
    "NumberOfVolumesDiscardedByScanner": 2,
    "ParallelAcquisitionTechnique": "SENSE",
    "ParallelReductionFactorInPlane": 2,
    "PatientPosition": "HFS",
    "PhaseEncodingDirection": "j",
    "PhilipsRescaleIntercept": 0,
    "PhilipsRescaleSlope": 0.79048,
    "PhilipsScaleSlope": 0.0516496,
    "ProtocolName": "WIPpiopanticipatieSENSE",
    "PulseSequenceType": "gradient echo EPI",
    "ReconMatrixPE": 80,
    "RepetitionTime": 2,
    "SeriesDescription": "ImageMRSERIES",
    "SeriesNumber": 9,
    "SliceEncodingDirection": "k",
    "SliceTiming": [
      0.0,
      0.0541,
      0.1081,
      0.1622,
      0.2162,
      0.2703,
      0.3243,
      0.3784,
      0.4324,
      0.4865,
      0.5405,
      0.5946,
      0.6486,
      0.7027,
      0.7568,
      0.8108,
      0.8649,
      0.9189,
      0.973,
      1.027,
      1.0811,
      1.1351,
      1.1892,
      1.2432,
      1.2973,
      1.3514,
      1.4054,
      1.4595,
      1.5135,
      1.5676,
      1.6216,
      1.6757,
      1.7297,
      1.7838,
      1.8378,
      1.8919,
      1.9459
    ],
    "TaskName": "anticipation",
    "TotalReadoutTime": 0.025822520692561732,
    "UsePhilipsFloatNotDisplayScaling": 1,
    "acq_id": "seq",
    "dataset": "ds002785",
    "modality": "bold",
    "subject_id": "0142",
    "task_id": "anticipation"
  },
  "dummy_trs": 0,
  "dvars_nstd": 27.313606080150763,
  "dvars_std": 1.3279636784924624,
  "dvars_vstd": 1.0380440443718595,
  "efc": 0.4153956090410743,
  "fber": 219228.953125,
  "fd_mean": 0.19707943536351002,
  "fd_num": 68,
  "fd_perc": 34.0,
  "fwhm_avg": 1.9244319280195514,
  "fwhm_x": 1.8990366666666667,
  "fwhm_y": 2.0414833333333333,
  "fwhm_z": 1.8327757840586545,
  "gcor": 0.0270884,
  "gsr_x": -0.021930476650595665,
  "gsr_y": 0.01537120621651411,
  "provenance": {
    "md5sum": "d488558f424ec6c5f82cd346ed2c6b21",
    "settings": {
      "fd_thres": 0.2,
      "testing": false
    },
    "software": "mriqc",
    "version": "22.0.0rc1",
    "webapi_port": null,
    "webapi_url": "https://mriqc.nimh.nih.gov/api/v1"
  },
  "size_t": 200,
  "size_x": 80,
  "size_y": 80,
  "size_z": 37,
  "snr": 4.61735619202876,
  "spacing_tr": 2.0,
  "spacing_x": 3.0,
  "spacing_y": 3.0,
  "spacing_z": 3.299999952316284,
  "summary_bg_k": 119.23765067453041,
  "summary_bg_mad": 54.45594628687721,
  "summary_bg_mean": 410.1083984375,
  "summary_bg_median": 52.754005432128906,
  "summary_bg_n": 159284.0,
  "summary_bg_p05": 3.719703769683838,
  "summary_bg_p95": 2013.5955871582041,
  "summary_bg_stdv": 1383.6397705078125,
  "summary_fg_k": 1.3947109750551512,
  "summary_fg_mad": 4885.255389784783,
  "summary_fg_mean": 26027.615234375,
  "summary_fg_median": 25240.509765625,
  "summary_fg_n": 36303.0,
  "summary_fg_p05": 18455.5396484375,
  "summary_fg_p95": 35766.073046875004,
  "summary_fg_stdv": 5466.36669921875,
  "tsnr": 64.919677734375
}