{
  "bids_meta": {
    "AcquisitionNumber": 4,
    "BidsifyVersion": "0.3.5",
    "ConversionSoftware": "dcm2niix",
    "ConversionSoftwareVersion": "v1.0.20181125  GCC6.3.0",
    "EchoTime": 0.00374,
    "ImageComments": "piop",
    "ImageOrientationPatientDICOM": [
      0.999289,
      0.0376825,
      -0.000779381,
      -0.0376902,
      0.998969,
      -0.0252932
    ],
    "Manufacturer": "Philips",
    "PatientPosition": "HFS",
    "PhilipsRescaleIntercept": 0,
    "PhilipsRescaleSlope": 8.54579,
    "PhilipsScaleSlope": 0.00755929,
    "ProtocolName": "WIPt13dSENSE",
    "ReconMatrixPE": 240,
    "RepetitionTime": 0.008147,
    "SeriesDescription": "ImageMRSERIES",
    "SeriesNumber": 4,
    "UsePhilipsFloatNotDisplayScaling": 1,
    "dataset": "ds002785",
    "modality": "T1w",
    "subject_id": "0011"
  },
  "cjv": 0.3314162050414155,
  "cnr": 3.9461533407058322,
  "efc": 0.7329607663545167,
  "fber": 2093.41162109375,
  "fwhm_avg": 3.491046666666667,
  "fwhm_x": 3.44069,
  "fwhm_y": 3.64192,
  "fwhm_z": 3.39053,
  "icvs_csf": 0.19841175098599922,
  "icvs_gm": 0.42849094704065344,
  "icvs_wm": 0.37309730197334734,
  "inu_med": 2.062495231628418,
  "inu_range": 0.38745557069778425,
  "provenance": {
    "md5sum": "a993a4e47b6e4878af866546367e2238",
    "settings": {
      "testing": false
    },
    "software": "mriqc",
    "version": "22.0.0rc1",
    "warnings": {
      "large_rot_frame": true,
      "small_air_mask": true
    },
    "webapi_port": null,
    "webapi_url": "https://mriqc.nimh.nih.gov/api/v1"
  },
  "qi_1": 0.0,
  "qi_2": 0.00014525153745753244,
  "rpve_csf": 30.95740741652592,
  "rpve_gm": 15.684460858794798,
  "rpve_wm": 22.922547194508276,
  "size_x": 240,
  "size_y": 240,
  "size_z": 220,
  "snr_csf": 1.5121227936024078,
  "snr_gm": 7.146305101100778,
  "snr_total": 9.756195322577248,
  "snr_wm": 20.610158073028558,
  "snrd_csf": 26.646065575911678,
  "snrd_gm": 53.0738326441225,
  "snrd_total": 55.551342063282355,
  "snrd_wm": 86.93412796981289,
  "spacing_x": 1.0,
  "spacing_y": 1.0,
  "spacing_z": 1.0,
  "summary_bg_k": 113.04067118970511,
  "summary_bg_mad": 7.53572942133847,
  "summary_bg_mean": 10.42391586303711,
  "summary_bg_median": 10.045707702636719,
  "summary_bg_n": 241783.0,
  "summary_bg_p05": 0.0,
  "summary_bg_p95": 25.910958862304685,
  "summary_bg_stdv": 9.490418434143066,
  "summary_csf_k": 36.7370391284807,
  "summary_csf_mad": 127.83297391040075,
  "summary_csf_mean": 305.77777099609375,
  "summary_csf_median": 306.497314453125,
  "summary_csf_n": 4626.0,
  "summary_csf_p05": 81.18295669555664,
  "summary_csf_p95": 489.48413848876953,
  "summary_csf_stdv": 202.67149353027344,
  "summary_gm_k": 0.21744783161698855,
  "summary_gm_mad": 84.11197649650299,
  "summary_gm_mean": 612.4180908203125,
  "summary_gm_median": 610.483642578125,
  "summary_gm_n": 21149.0,
  "summary_gm_p05": 475.97483520507814,
  "summary_gm_p95": 755.2845825195312,
  "summary_gm_stdv": 85.42445373535156,
  "summary_wm_k": 0.7038907075829677,
  "summary_wm_mad": 44.96775783357645,
  "summary_wm_mean": 997.9577026367188,
  "summary_wm_median": 999.962890625,
  "summary_wm_n": 187364.0,
  "summary_wm_p05": 914.9313385009766,
  "summary_wm_p95": 1073.640155029297,
  "summary_wm_stdv": 48.5178337097168,
  "tpm_overlap_csf": 0.173940047621727,
  "tpm_overlap_gm": 0.4498952031135559,
  "tpm_overlap_wm": 0.5223004817962646,
  "wm2max": 0.755294899515712
}