{
  "bids_meta": {
    "AcquisitionNumber": 4,
    "BidsifyVersion": "0.3.5",
    "ConversionSoftware": "dcm2niix",
    "ConversionSoftwareVersion": "v1.0.20181125  GCC6.3.0",
    "EchoTime": 0.0038,
    "ImageComments": "piop",
    "ImageOrientationPatientDICOM": [
      0.999805,
      -0.0195836,
      -0.00239993,
      0.0190227,
      0.989079,
      -0.146155
    ],
    "Manufacturer": "Philips",
    "PatientPosition": "HFS",
    "PhilipsRescaleIntercept": 0,
    "PhilipsRescaleSlope": 9.10818,
    "PhilipsScaleSlope": 0.00751196,
    "ProtocolName": "WIPt13dSENSE",
    "ReconMatrixPE": 240,
    "RepetitionTime": 0.008257,
    "SeriesDescription": "ImageMRSERIES",
    "SeriesNumber": 4,
    "UsePhilipsFloatNotDisplayScaling": 1,
    "dataset": "ds002785",
    "modality": "T1w",
    "subject_id": "0161"
  },
  "cjv": 0.30791057457965576,
  "cnr": 4.025886058440564,
  "efc": 0.7733002285965466,
  "fber": 1075.53173828125,
  "fwhm_avg": 3.5801700000000003,
  "fwhm_x": 3.54152,
  "fwhm_y": 3.69201,
  "fwhm_z": 3.50698,
  "icvs_csf": 0.19919572038935895,
  "icvs_gm": 0.4586797478662478,
  "icvs_wm": 0.3421245317443932,
  "inu_med": 1.827372431755066,
  "inu_range": 0.5398147284984589,
  "provenance": {
    "md5sum": "b4df22f789f2ff598cb0ca0cc1585c7e",
    "settings": {
      "testing": false
    },
    "software": "mriqc",
    "version": "22.0.0rc1",
    "warnings": {
      "large_rot_frame": true,
      "small_air_mask": true
    },
    "webapi_port": null,
    "webapi_url": "https://mriqc.nimh.nih.gov/api/v1"
  },
  "qi_1": 0.0,
  "qi_2": 0.00028988079410266975,
  "rpve_csf": 25.607055484881105,
  "rpve_gm": 12.544623595951558,
  "rpve_wm": 20.35860858434027,
  "size_x": 240,
  "size_y": 240,
  "size_z": 220,
  "snr_csf": 2.317013034498535,
  "snr_gm": 6.95885404243762,
  "snr_total": 9.621014109538079,
  "snr_wm": 19.58717525167808,
  "snrd_csf": 20.021277893524196,
  "snrd_gm": 43.74791229682966,
  "snrd_total": 45.711270857677526,
  "snrd_wm": 73.36462238267872,
  "spacing_x": 1.0,
  "spacing_y": 1.0,
  "spacing_z": 1.0,
  "summary_bg_k": 5.591855766599597,
  "summary_bg_mad": 8.929706448768709,
  "summary_bg_mean": 12.121709823608398,
  "summary_bg_median": 11.978445053100586,
  "summary_bg_n": 141473.0,
  "summary_bg_p05": 0.0,
  "summary_bg_p95": 30.623192977905273,
  "summary_bg_stdv": 10.285639762878418,
  "summary_csf_k": -0.6404744426351376,
  "summary_csf_mad": 135.22759273602745,
  "summary_csf_mean": 257.488525390625,
  "summary_csf_median": 272.89605712890625,
  "summary_csf_n": 7297.0,
  "summary_csf_p05": 72.39553985595703,
  "summary_csf_p95": 435.4496337890625,
  "summary_csf_stdv": 117.77117919921875,
  "summary_gm_k": 0.3353591079430309,
  "summary_gm_mad": 80.13408886690779,
  "summary_gm_mean": 602.096923828125,
  "summary_gm_median": 596.2972412109375,
  "summary_gm_n": 28571.0,
  "summary_gm_p05": 469.60240173339844,
  "summary_gm_p95": 754.6997375488281,
  "summary_gm_stdv": 85.6875,
  "summary_wm_k": 1.6134472621721745,
  "summary_wm_mad": 44.16469671369559,
  "summary_wm_mean": 996.0742797851562,
  "summary_wm_median": 999.98193359375,
  "summary_wm_n": 190111.0,
  "summary_wm_p05": 906.1408081054688,
  "summary_wm_p95": 1071.4258422851562,
  "summary_wm_stdv": 51.052757263183594,
  "tpm_overlap_csf": 0.17152854800224304,
  "tpm_overlap_gm": 0.4654529094696045,
  "tpm_overlap_wm": 0.5095185041427612,
  "wm2max": 0.7235145552664733
}