{
  "bids_meta": {
    "AcquisitionNumber": 4,
    "BidsifyVersion": "0.3.5",
    "ConversionSoftware": "dcm2niix",
    "ConversionSoftwareVersion": "v1.0.20181125  GCC6.3.0",
    "EchoTime": 0.00382,
    "ImageComments": "Piop",
    "ImageOrientationPatientDICOM": [
      0.99938,
      -0.00162412,
      0.0351742,
      0.00837258,
      0.981246,
      -0.192577
    ],
    "Manufacturer": "Philips",
    "PatientPosition": "HFS",
    "PhilipsRescaleIntercept": 0,
    "PhilipsRescaleSlope": 9.93651,
    "PhilipsScaleSlope": 0.00761737,
    "ProtocolName": "WIPt13dSENSE",
    "ReconMatrixPE": 240,
    "RepetitionTime": 0.008319,
    "SeriesDescription": "ImageMRSERIES",
    "SeriesNumber": 4,
    "UsePhilipsFloatNotDisplayScaling": 1,
    "dataset": "ds002785",
    "modality": "T1w",
    "subject_id": "0156"
  },
  "cjv": 0.32547678864668067,
  "cnr": 3.752666371645866,
  "efc": 0.7744652137924374,
  "fber": 186.49832153320312,
  "fwhm_avg": 3.493733333333333,
  "fwhm_x": 3.4541,
  "fwhm_y": 3.59354,
  "fwhm_z": 3.43356,
  "icvs_csf": 0.2062415244410062,
  "icvs_gm": 0.43970404370872,
  "icvs_wm": 0.35405443185027374,
  "inu_med": 1.6814144849777222,
  "inu_range": 0.5444386959075929,
  "provenance": {
    "md5sum": "29cb3a28b35adb734d32d45ba42cdbbb",
    "settings": {
      "testing": false
    },
    "software": "mriqc",
    "version": "22.0.0rc1",
    "warnings": {
      "large_rot_frame": true,
      "small_air_mask": true
    },
    "webapi_port": null,
    "webapi_url": "https://mriqc.nimh.nih.gov/api/v1"
  },
  "qi_1": 0.0,
  "qi_2": 0.00011122586807689816,
  "rpve_csf": 25.294627030424135,
  "rpve_gm": 12.9074271541912,
  "rpve_wm": 19.796025444948654,
  "size_x": 240,
  "size_y": 240,
  "size_z": 220,
  "snr_csf": 2.38862499904279,
  "snr_gm": 7.328065524021666,
  "snr_total": 9.12281968931869,
  "snr_wm": 17.651768544891617,
  "snrd_csf": 17.671400195674366,
  "snrd_gm": 35.21437566182245,
  "snrd_total": 37.03453319664872,
  "snrd_wm": 58.21782373244935,
  "spacing_x": 1.0,
  "spacing_y": 1.0,
  "spacing_z": 1.0,
  "summary_bg_k": 24.638308804347467,
  "summary_bg_mad": 11.253180826628965,
  "summary_bg_mean": 22.568641662597656,
  "summary_bg_median": 15.066581726074219,
  "summary_bg_n": 209032.0,
  "summary_bg_p05": 0.0,
  "summary_bg_p95": 75.22403068542472,
  "summary_bg_stdv": 32.62337875366211,
  "summary_csf_k": -0.8526827126075855,
  "summary_csf_mad": 152.97189984818897,
  "summary_csf_mean": 288.95068359375,
  "summary_csf_median": 303.5390319824219,
  "summary_csf_n": 6895.0,
  "summary_csf_p05": 89.11868591308594,
  "summary_csf_p95": 479.52362670898435,
  "summary_csf_stdv": 127.06767272949219,
  "summary_gm_k": 0.32974410288879064,
  "summary_gm_mad": 77.2857986185141,
  "summary_gm_mean": 609.0250244140625,
  "summary_gm_median": 604.8721313476562,
  "summary_gm_n": 19376.0,
  "summary_gm_p05": 479.05623626708984,
  "summary_gm_p95": 751.90380859375,
  "summary_gm_stdv": 82.53972625732422,
  "summary_wm_k": 0.9612887424760568,
  "summary_wm_mad": 51.31881346130511,
  "summary_wm_mean": 997.5675659179688,
  "summary_wm_median": 999.9989624023438,
  "summary_wm_n": 196458.0,
  "summary_wm_p05": 899.651986694336,
  "summary_wm_p95": 1084.7842224121093,
  "summary_wm_stdv": 56.651344299316406,
  "tpm_overlap_csf": 0.16565722227096558,
  "tpm_overlap_gm": 0.4560339152812958,
  "tpm_overlap_wm": 0.4977109432220459,
  "wm2max": 0.6304139855052245
}