{
  "aor": 0.0007317959183673469,
  "aqi": 0.004612857836734694,
  "bids_meta": {
    "AcquisitionNumber": 3,
    "BidsifyVersion": "0.3.5",
    "ConversionSoftware": "dcm2niix",
    "ConversionSoftwareVersion": "v1.0.20181125  GCC6.3.0",
    "EchoTime": 0.02762,
    "EffectiveEchoSpacing": 0.0006621159151938905,
    "ImageComments": "PIOP",
    "ImageOrientationPatientDICOM": [
      0.998159,
      0.0603589,
      -0.00602552,
      -0.0603506,
      0.978169,
      -0.198854
    ],
    "Manufacturer": "Philips",
    "NumberOfVolumesDiscardedByScanner": 2,
    "ParallelAcquisitionTechnique": "SENSE",
    "ParallelReductionFactorInPlane": 2,
    "PatientPosition": "HFS",
    "PhaseEncodingDirection": "j",
    "PhilipsRescaleIntercept": 0,
    "PhilipsRescaleSlope": 0.81368,
    "PhilipsScaleSlope": 0.0660326,
    "ProtocolName": "WIPpiopgstroopSENSE",
    "PulseSequenceType": "gradient echo EPI",
    "ReconMatrixPE": 80,
    "RepetitionTime": 2,
    "SeriesDescription": "ImageMRSERIES",
    "SeriesNumber": 3,
    "SliceEncodingDirection": "k",
    "SliceTiming": [
      0.0,
      0.0541,
      0.1081,
      0.1622,
      0.2162,
      0.2703,
      0.3243,
      0.3784,
      0.4324,
      0.4865,
      0.5405,
      0.5946,
      0.6486,
      0.7027,
      0.7568,
      0.8108,
      0.8649,
      0.9189,
      0.973,
      1.027,
      1.0811,
      1.1351,
      1.1892,
      1.2432,
      1.2973,
      1.3514,
      1.4054,
      1.4595,
      1.5135,
      1.5676,
      1.6216,
      1.6757,
      1.7297,
      1.7838,
      1.8378,
      1.8919,
      1.9459
    ],
    "TaskName": "gstroop",
    "TotalReadoutTime": 0.025822520692561732,
    "UsePhilipsFloatNotDisplayScaling": 1,
    "acq_id": "seq",
    "dataset": "ds002785",
    "modality": "bold",
    "subject_id": "0063",
    "task_id": "gstroop"
  },
  "dummy_trs": 0,
  "dvars_nstd": 19.684540994795075,
  "dvars_std": 1.1177002013524595,
  "dvars_vstd": 0.9906555854098359,
  "efc": 0.4174117214044612,
  "fber": 137858.890625,
  "fd_mean": 0.12117031957566589,
  "fd_num": 22,
  "fd_perc": 8.979591836734693,
  "fwhm_avg": 1.842541624702066,
  "fwhm_x": 1.7828233333333332,
  "fwhm_y": 1.9716500000000001,
  "fwhm_z": 1.7731515407728649,
  "gcor": 0.0131504,
  "gsr_x": -0.01595432497560978,
  "gsr_y": 0.014554948545992374,
  "provenance": {
    "md5sum": "84ad4d74e2a799ec23b36b88bd3a8255",
    "settings": {
      "fd_thres": 0.2,
      "testing": false
    },
    "software": "mriqc",
    "version": "22.0.0rc1",
    "webapi_port": null,
    "webapi_url": "https://mriqc.nimh.nih.gov/api/v1"
  },
  "size_t": 245,
  "size_x": 80,
  "size_y": 80,
  "size_z": 37,
  "snr": 5.311680973491066,
  "spacing_tr": 2.0,
  "spacing_x": 3.0,
  "spacing_y": 3.0,
  "spacing_z": 3.299999952316284,
  "summary_bg_k": 39.33154036828021,
  "summary_bg_mad": 59.977199332247714,
  "summary_bg_mean": 458.68817138671875,
  "summary_bg_median": 54.557491302490234,
  "summary_bg_n": 161511.0,
  "summary_bg_p05": 3.7921674251556396,
  "summary_bg_p95": 2274.0390625,
  "summary_bg_stdv": 1290.7899169921875,
  "summary_fg_k": 1.351075498757191,
  "summary_fg_mad": 3555.3250034420325,
  "summary_fg_mean": 21310.87890625,
  "summary_fg_median": 20804.92578125,
  "summary_fg_n": 33714.0,
  "summary_fg_p05": 15708.12841796875,
  "summary_fg_p95": 28000.954882812497,
  "summary_fg_stdv": 3916.76708984375,
  "tsnr": 74.82783508300781
}