{
  "aor": 0.014395267489711934,
  "aqi": 0.012258855144032922,
  "bids_meta": {
    "AcquisitionNumber": 3,
    "BidsifyVersion": "0.3.5",
    "ConversionSoftware": "dcm2niix",
    "ConversionSoftwareVersion": "v1.0.20181125  GCC6.3.0",
    "EchoTime": 0.02762,
    "EffectiveEchoSpacing": 0.0006621159151938905,
    "ImageComments": "piop",
    "ImageOrientationPatientDICOM": [
      0.999025,
      -0.00274298,
      -0.0440625,
      -0.00557967,
      0.98222,
      -0.187652
    ],
    "Manufacturer": "Philips",
    "NumberOfVolumesDiscardedByScanner": 2,
    "ParallelAcquisitionTechnique": "SENSE",
    "ParallelReductionFactorInPlane": 2,
    "PatientPosition": "HFS",
    "PhaseEncodingDirection": "j",
    "PhilipsRescaleIntercept": 0,
    "PhilipsRescaleSlope": 0.79121,
    "PhilipsScaleSlope": 0.0479151,
    "ProtocolName": "WIPpiopgstroopSENSE",
    "PulseSequenceType": "gradient echo EPI",
    "ReconMatrixPE": 80,
    "RepetitionTime": 2,
    "SeriesDescription": "ImageMRSERIES",
    "SeriesNumber": 3,
    "SliceEncodingDirection": "k",
    "SliceTiming": [
      0.0,
      0.0541,
      0.1081,
      0.1622,
      0.2162,
      0.2703,
      0.3243,
      0.3784,
      0.4324,
      0.4865,
      0.5405,
      0.5946,
      0.6486,
      0.7027,
      0.7568,
      0.8108,
      0.8649,
      0.9189,
      0.973,
      1.027,
      1.0811,
      1.1351,
      1.1892,
      1.2432,
      1.2973,
      1.3514,
      1.4054,
      1.4595,
      1.5135,
      1.5676,
      1.6216,
      1.6757,
      1.7297,
      1.7838,
      1.8378,
      1.8919,
      1.9459
    ],
    "TaskName": "gstroop",
    "TotalReadoutTime": 0.025822520692561732,
    "UsePhilipsFloatNotDisplayScaling": 1,
    "acq_id": "seq",
    "dataset": "ds002785",
    "modality": "bold",
    "subject_id": "0090",
    "task_id": "gstroop"
  },
  "dummy_trs": 2,
  "dvars_nstd": 23.72492523409089,
  "dvars_std": 1.207822501363637,
  "dvars_vstd": 1.0427539150826444,
  "efc": 0.41990987796742313,
  "fber": 232089.390625,
  "fd_mean": 0.2600156907790654,
  "fd_num": 87,
  "fd_perc": 35.80246913580247,
  "fwhm_avg": 1.753821018294275,
  "fwhm_x": 1.6863299999999999,
  "fwhm_y": 1.8740633333333332,
  "fwhm_z": 1.7010697215494925,
  "gcor": 0.0212909,
  "gsr_x": -0.01835574209690094,
  "gsr_y": 0.013350415974855423,
  "provenance": {
    "md5sum": "ca1a00b7975551ec97304db975e76f63",
    "settings": {
      "fd_thres": 0.2,
      "testing": false
    },
    "software": "mriqc",
    "version": "22.0.0rc1",
    "webapi_port": null,
    "webapi_url": "https://mriqc.nimh.nih.gov/api/v1"
  },
  "size_t": 243,
  "size_x": 80,
  "size_y": 80,
  "size_z": 37,
  "snr": 4.872205047794522,
  "spacing_tr": 2.0,
  "spacing_x": 3.0,
  "spacing_y": 3.0,
  "spacing_z": 3.299999952316284,
  "summary_bg_k": 122.11248752130749,
  "summary_bg_mad": 58.42971799635019,
  "summary_bg_mean": 585.9405517578125,
  "summary_bg_median": 56.343170166015625,
  "summary_bg_n": 159624.0,
  "summary_bg_p05": 4.233858799934388,
  "summary_bg_p95": 2960.2911987304697,
  "summary_bg_stdv": 2129.92138671875,
  "summary_fg_k": 1.7486575200405383,
  "summary_fg_mad": 5435.131413964067,
  "summary_fg_mean": 28560.041015625,
  "summary_fg_median": 27795.5625,
  "summary_fg_n": 35926.0,
  "summary_fg_p05": 20909.37744140625,
  "summary_fg_p95": 38392.7041015625,
  "summary_fg_stdv": 5704.84521484375,
  "tsnr": 48.38178253173828
}