{
  "bids_meta": {
    "AcquisitionNumber": 4,
    "BidsifyVersion": "0.3.5",
    "ConversionSoftware": "dcm2niix",
    "ConversionSoftwareVersion": "v1.0.20181125  GCC6.3.0",
    "EchoTime": 0.00374,
    "ImageComments": "PIOP",
    "ImageOrientationPatientDICOM": [
      0.998914,
      0.00277369,
      -0.0464993,
      -0.00400992,
      0.99964,
      -0.0265139
    ],
    "Manufacturer": "Philips",
    "PatientPosition": "HFS",
    "PhilipsRescaleIntercept": 0,
    "PhilipsRescaleSlope": 10.1158,
    "PhilipsScaleSlope": 0.00767692,
    "ProtocolName": "WIPt13dSENSE",
    "ReconMatrixPE": 240,
    "RepetitionTime": 0.008202,
    "SeriesDescription": "ImageMRSERIES",
    "SeriesNumber": 4,
    "UsePhilipsFloatNotDisplayScaling": 1,
    "dataset": "ds002785",
    "modality": "T1w",
    "subject_id": "0119"
  },
  "cjv": 0.360058064486826,
  "cnr": 3.42678957014661,
  "efc": 0.7570462306796863,
  "fber": 507.27777099609375,
  "fwhm_avg": 3.4320865351971146,
  "fwhm_x": 3.37737,
  "fwhm_y": 3.61035,
  "fwhm_z": 3.308539605591344,
  "icvs_csf": 0.19609764133360688,
  "icvs_gm": 0.43733155744334906,
  "icvs_wm": 0.36657080122304403,
  "inu_med": 1.543397307395935,
  "inu_range": 0.48332285284996046,
  "provenance": {
    "md5sum": "7bec1bbc988548cf6c3e9642ac2f6f31",
    "settings": {
      "testing": false
    },
    "software": "mriqc",
    "version": "22.0.0rc1",
    "warnings": {
      "large_rot_frame": true,
      "small_air_mask": true
    },
    "webapi_port": null,
    "webapi_url": "https://mriqc.nimh.nih.gov/api/v1"
  },
  "qi_1": 0.0,
  "qi_2": 4.062442169575745e-05,
  "rpve_csf": 29.900228073221253,
  "rpve_gm": 14.734844922458283,
  "rpve_wm": 21.791338977540757,
  "size_x": 240,
  "size_y": 240,
  "size_z": 220,
  "snr_csf": 2.093007807152477,
  "snr_gm": 6.7431332544847615,
  "snr_total": 9.169738726111165,
  "snr_wm": 18.673075116696257,
  "snrd_csf": 16.8677756434421,
  "snrd_gm": 37.229104804826605,
  "snrd_total": 37.89194387258545,
  "snrd_wm": 59.57895116948763,
  "spacing_x": 1.0,
  "spacing_y": 1.0,
  "spacing_z": 1.0000001192092896,
  "summary_bg_k": 24.150746634370126,
  "summary_bg_mad": 10.996060950880306,
  "summary_bg_mean": 21.153032302856445,
  "summary_bg_median": 14.65003490447998,
  "summary_bg_n": 295108.0,
  "summary_bg_p05": 0.0,
  "summary_bg_p95": 64.46034774780271,
  "summary_bg_stdv": 22.996774673461914,
  "summary_csf_k": -1.0538764330803267,
  "summary_csf_mad": 179.7320599990354,
  "summary_csf_mean": 277.31866455078125,
  "summary_csf_median": 283.115234375,
  "summary_csf_n": 5315.0,
  "summary_csf_p05": 80.73052291870117,
  "summary_csf_p95": 476.5151763916016,
  "summary_csf_stdv": 135.2544403076172,
  "summary_gm_k": 0.409497691511453,
  "summary_gm_mad": 87.35154921516147,
  "summary_gm_mean": 630.10205078125,
  "summary_gm_median": 624.8676147460938,
  "summary_gm_n": 20326.0,
  "summary_gm_p05": 486.73107147216797,
  "summary_gm_p95": 791.5814208984375,
  "summary_gm_stdv": 92.66497039794922,
  "summary_wm_k": 1.1150934842528013,
  "summary_wm_mad": 47.71646289267172,
  "summary_wm_mean": 997.241943359375,
  "summary_wm_median": 999.9960327148438,
  "summary_wm_n": 178681.0,
  "summary_wm_p05": 903.6483154296875,
  "summary_wm_p95": 1078.8927001953125,
  "summary_wm_stdv": 53.55268096923828,
  "tpm_overlap_csf": 0.16493643820285797,
  "tpm_overlap_gm": 0.44500041007995605,
  "tpm_overlap_wm": 0.48423221707344055,
  "wm2max": 0.699074260192303
}