{
  "aor": 0.00025949895615866384,
  "aqi": 0.009030293110647182,
  "bids_meta": {
    "AcquisitionNumber": 6,
    "BidsifyVersion": "0.3.5",
    "ConversionSoftware": "dcm2niix",
    "ConversionSoftwareVersion": "v1.0.20181125  GCC6.3.0",
    "EchoTime": 0.02762,
    "EffectiveEchoSpacing": 0.0006333282667071997,
    "ImageComments": "piop",
    "ImageOrientationPatientDICOM": [
      0.999317,
      -0.0225571,
      0.0292653,
      0.0275644,
      0.982558,
      -0.183901
    ],
    "Manufacturer": "Philips",
    "NumberOfVolumesDiscardedByScanner": 2,
    "ParallelAcquisitionTechnique": "SENSE",
    "ParallelReductionFactorInPlane": 2,
    "PatientPosition": "HFS",
    "PhaseEncodingDirection": "j",
    "PhilipsRescaleIntercept": 0,
    "PhilipsRescaleSlope": 0.79976,
    "PhilipsScaleSlope": 0.0864605,
    "ProtocolName": "WIPpioprsSENSE",
    "PulseSequenceType": "gradient echo EPI",
    "ReconMatrixPE": 80,
    "RepetitionTime": 0.75,
    "SeriesDescription": "ImageMRSERIES",
    "SeriesNumber": 6,
    "SliceEncodingDirection": "k",
    "SliceTiming": [
      0.0,
      0.06755050505050506,
      0.1351010101010101,
      0.20265151515151517,
      0.2702020202020202,
      0.3377525252525253,
      0.40530303030303033,
      0.47285353535353536,
      0.5404040404040404,
      0.6079545454545455,
      0.6755050505050506,
      0.7430555555555556,
      0.0,
      0.06755050505050506,
      0.1351010101010101,
      0.20265151515151517,
      0.2702020202020202,
      0.3377525252525253,
      0.40530303030303033,
      0.47285353535353536,
      0.5404040404040404,
      0.6079545454545455,
      0.6755050505050506,
      0.7430555555555556,
      0.0,
      0.06755050505050506,
      0.1351010101010101,
      0.20265151515151517,
      0.2702020202020202,
      0.3377525252525253,
      0.40530303030303033,
      0.47285353535353536,
      0.5404040404040404,
      0.6079545454545455,
      0.6755050505050506,
      0.7430555555555556
    ],
    "TaskName": "restingstate",
    "TotalReadoutTime": 0.024699802401580786,
    "UsePhilipsFloatNotDisplayScaling": 1,
    "acq_id": "mb3",
    "dataset": "ds002785",
    "modality": "bold",
    "subject_id": "0087",
    "task_id": "restingstate"
  },
  "dummy_trs": 1,
  "dvars_nstd": 29.271160520606717,
  "dvars_std": 1.147573629016737,
  "dvars_vstd": 1.0023335560041835,
  "efc": 0.42906339369315094,
  "fber": 160679.515625,
  "fd_mean": 0.1433670538170769,
  "fd_num": 83,
  "fd_perc": 17.32776617954071,
  "fwhm_avg": 1.7860109170133391,
  "fwhm_x": 1.77292,
  "fwhm_y": 1.9402733333333335,
  "fwhm_z": 1.6448394177066834,
  "gcor": 0.00817415,
  "gsr_x": -0.016560858115553856,
  "gsr_y": 0.012696439400315285,
  "provenance": {
    "md5sum": "354a4789a892fe20e508540b7ab301cd",
    "settings": {
      "fd_thres": 0.2,
      "testing": false
    },
    "software": "mriqc",
    "version": "22.0.0rc1",
    "webapi_port": null,
    "webapi_url": "https://mriqc.nimh.nih.gov/api/v1"
  },
  "size_t": 479,
  "size_x": 80,
  "size_y": 80,
  "size_z": 36,
  "snr": 6.683685490110925,
  "spacing_tr": 0.75,
  "spacing_x": 3.0,
  "spacing_y": 3.0,
  "spacing_z": 3.299999952316284,
  "summary_bg_k": 51.809366052871596,
  "summary_bg_mad": 51.169367809213924,
  "summary_bg_mean": 405.1907958984375,
  "summary_bg_median": 43.18042755126953,
  "summary_bg_n": 155415.0,
  "summary_bg_p05": 1.8427236914634708,
  "summary_bg_p95": 1975.4274902343723,
  "summary_bg_stdv": 1150.431640625,
  "summary_fg_k": 1.984562171791274,
  "summary_fg_mad": 2426.1221623816846,
  "summary_fg_mean": 17709.0625,
  "summary_fg_median": 17688.216796875,
  "summary_fg_n": 34115.0,
  "summary_fg_p05": 13619.23720703125,
  "summary_fg_p95": 21965.121484375,
  "summary_fg_stdv": 2646.437744140625,
  "tsnr": 54.033966064453125
}