{
  "aor": 0.0016468341708542715,
  "aqi": 0.006648296582914572,
  "bids_meta": {
    "AcquisitionNumber": 9,
    "BidsifyVersion": "0.3.5",
    "ConversionSoftware": "dcm2niix",
    "ConversionSoftwareVersion": "v1.0.20181125  GCC6.3.0",
    "EchoTime": 0.02762,
    "EffectiveEchoSpacing": 0.0006621159151938905,
    "ImageComments": "piop",
    "ImageOrientationPatientDICOM": [
      0.999741,
      -0.0226103,
      0.00244044,
      0.0226873,
      0.984182,
      -0.1757
    ],
    "Manufacturer": "Philips",
    "NumberOfVolumesDiscardedByScanner": 2,
    "ParallelAcquisitionTechnique": "SENSE",
    "ParallelReductionFactorInPlane": 2,
    "PatientPosition": "HFS",
    "PhaseEncodingDirection": "j",
    "PhilipsRescaleIntercept": 0,
    "PhilipsRescaleSlope": 0.74115,
    "PhilipsScaleSlope": 0.0551791,
    "ProtocolName": "WIPpiopanticipatieSENSE",
    "PulseSequenceType": "gradient echo EPI",
    "ReconMatrixPE": 80,
    "RepetitionTime": 2,
    "SeriesDescription": "ImageMRSERIES",
    "SeriesNumber": 9,
    "SliceEncodingDirection": "k",
    "SliceTiming": [
      0.0,
      0.0541,
      0.1081,
      0.1622,
      0.2162,
      0.2703,
      0.3243,
      0.3784,
      0.4324,
      0.4865,
      0.5405,
      0.5946,
      0.6486,
      0.7027,
      0.7568,
      0.8108,
      0.8649,
      0.9189,
      0.973,
      1.027,
      1.0811,
      1.1351,
      1.1892,
      1.2432,
      1.2973,
      1.3514,
      1.4054,
      1.4595,
      1.5135,
      1.5676,
      1.6216,
      1.6757,
      1.7297,
      1.7838,
      1.8378,
      1.8919,
      1.9459
    ],
    "TaskName": "anticipation",
    "TotalReadoutTime": 0.025822520692561732,
    "UsePhilipsFloatNotDisplayScaling": 1,
    "acq_id": "seq",
    "dataset": "ds002785",
    "modality": "bold",
    "subject_id": "0099",
    "task_id": "anticipation"
  },
  "dummy_trs": 1,
  "dvars_nstd": 23.14008495035354,
  "dvars_std": 1.1881912987373733,
  "dvars_vstd": 0.9729531123737375,
  "efc": 0.469930213967251,
  "fber": 129114.1953125,
  "fd_mean": 0.1300704479138532,
  "fd_num": 24,
  "fd_perc": 12.06030150753769,
  "fwhm_avg": 1.9008480895768638,
  "fwhm_x": 1.8324666666666667,
  "fwhm_y": 2.04952,
  "fwhm_z": 1.8205576020639247,
  "gcor": 0.0201025,
  "gsr_x": -0.018309663981199265,
  "gsr_y": 0.028504421934485435,
  "provenance": {
    "md5sum": "be908a30be73389fbc9f59631e6d69c9",
    "settings": {
      "fd_thres": 0.2,
      "testing": false
    },
    "software": "mriqc",
    "version": "22.0.0rc1",
    "webapi_port": null,
    "webapi_url": "https://mriqc.nimh.nih.gov/api/v1"
  },
  "size_t": 199,
  "size_x": 80,
  "size_y": 80,
  "size_z": 37,
  "snr": 4.582983813194133,
  "spacing_tr": 2.0,
  "spacing_x": 3.0,
  "spacing_y": 3.0,
  "spacing_z": 3.299999952316284,
  "summary_bg_k": 45.33372092209323,
  "summary_bg_mad": 66.81425308024006,
  "summary_bg_mean": 778.6826171875,
  "summary_bg_median": 62.375186920166016,
  "summary_bg_n": 151373.0,
  "summary_bg_p05": 5.244460678100586,
  "summary_bg_p95": 4619.069042968748,
  "summary_bg_stdv": 2169.181396484375,
  "summary_fg_k": 2.522802162698513,
  "summary_fg_mad": 4320.214545647854,
  "summary_fg_mean": 23889.830078125,
  "summary_fg_median": 23177.330078125,
  "summary_fg_n": 42544.0,
  "summary_fg_p05": 17157.3587890625,
  "summary_fg_p95": 32401.21513671875,
  "summary_fg_stdv": 5057.1982421875,
  "tsnr": 63.731719970703125
}