{
  "aor": 0.014006419753086417,
  "aqi": 0.015452386975308641,
  "bids_meta": {
    "AcquisitionNumber": 8,
    "BidsifyVersion": "0.3.5",
    "ConversionSoftware": "dcm2niix",
    "ConversionSoftwareVersion": "v1.0.20181125  GCC6.3.0",
    "EchoTime": 0.02762,
    "EffectiveEchoSpacing": 0.0006621159151938905,
    "ImageComments": "piop",
    "ImageOrientationPatientDICOM": [
      0.999741,
      -0.0226103,
      0.00244044,
      0.0226873,
      0.984182,
      -0.1757
    ],
    "Manufacturer": "Philips",
    "NumberOfVolumesDiscardedByScanner": 2,
    "ParallelAcquisitionTechnique": "SENSE",
    "ParallelReductionFactorInPlane": 2,
    "PatientPosition": "HFS",
    "PhaseEncodingDirection": "j",
    "PhilipsRescaleIntercept": 0,
    "PhilipsRescaleSlope": 0.74359,
    "PhilipsScaleSlope": 0.0547602,
    "ProtocolName": "WIPpiopwmSENSE",
    "PulseSequenceType": "gradient echo EPI",
    "ReconMatrixPE": 80,
    "RepetitionTime": 2,
    "SeriesDescription": "ImageMRSERIES",
    "SeriesNumber": 8,
    "SliceEncodingDirection": "k",
    "SliceTiming": [
      0.0,
      0.0541,
      0.1081,
      0.1622,
      0.2162,
      0.2703,
      0.3243,
      0.3784,
      0.4324,
      0.4865,
      0.5405,
      0.5946,
      0.6486,
      0.7027,
      0.7568,
      0.8108,
      0.8649,
      0.9189,
      0.973,
      1.027,
      1.0811,
      1.1351,
      1.1892,
      1.2432,
      1.2973,
      1.3514,
      1.4054,
      1.4595,
      1.5135,
      1.5676,
      1.6216,
      1.6757,
      1.7297,
      1.7838,
      1.8378,
      1.8919,
      1.9459
    ],
    "TaskName": "workingmemory",
    "TotalReadoutTime": 0.025822520692561732,
    "UsePhilipsFloatNotDisplayScaling": 1,
    "acq_id": "seq",
    "dataset": "ds002785",
    "modality": "bold",
    "subject_id": "0099",
    "task_id": "workingmemory"
  },
  "dummy_trs": 0,
  "dvars_nstd": 25.632438647763966,
  "dvars_std": 1.2179536525465837,
  "dvars_vstd": 1.024179548881988,
  "efc": 0.47124126067253774,
  "fber": 136070.734375,
  "fd_mean": 0.168186603917168,
  "fd_num": 33,
  "fd_perc": 20.37037037037037,
  "fwhm_avg": 1.939995766524854,
  "fwhm_x": 1.8588433333333334,
  "fwhm_y": 2.10315,
  "fwhm_z": 1.8579939662412293,
  "gcor": 0.00802875,
  "gsr_x": -0.0191058162599802,
  "gsr_y": 0.028684213757514954,
  "provenance": {
    "md5sum": "bb0ce8d97d7cd478b8c11cd908487956",
    "settings": {
      "fd_thres": 0.2,
      "testing": false
    },
    "software": "mriqc",
    "version": "22.0.0rc1",
    "webapi_port": null,
    "webapi_url": "https://mriqc.nimh.nih.gov/api/v1"
  },
  "size_t": 162,
  "size_x": 80,
  "size_y": 80,
  "size_z": 37,
  "snr": 4.577335649014106,
  "spacing_tr": 2.0,
  "spacing_x": 3.0,
  "spacing_y": 3.0,
  "spacing_z": 3.299999952316284,
  "summary_bg_k": 45.28766012762405,
  "summary_bg_mad": 59.954652969393436,
  "summary_bg_mean": 764.2086181640625,
  "summary_bg_median": 60.37887191772461,
  "summary_bg_n": 150783.0,
  "summary_bg_p05": 6.934307956695558,
  "summary_bg_p95": 4517.780664062496,
  "summary_bg_stdv": 2111.400390625,
  "summary_fg_k": 2.44697286947945,
  "summary_fg_mad": 4376.2102886172925,
  "summary_fg_mean": 23844.650390625,
  "summary_fg_median": 23172.017578125,
  "summary_fg_n": 42823.0,
  "summary_fg_p05": 17030.305078125,
  "summary_fg_p95": 32283.169335937502,
  "summary_fg_stdv": 5062.2783203125,
  "tsnr": 47.53061294555664
}