{
  "aor": 0.0010788100208768269,
  "aqi": 0.009073276597077245,
  "bids_meta": {
    "AcquisitionNumber": 6,
    "BidsifyVersion": "0.3.5",
    "ConversionSoftware": "dcm2niix",
    "ConversionSoftwareVersion": "v1.0.20181125  GCC6.3.0",
    "EchoTime": 0.02762,
    "EffectiveEchoSpacing": 0.0006333282667071997,
    "ImageComments": "piop",
    "ImageOrientationPatientDICOM": [
      0.999741,
      -0.0226103,
      0.00244044,
      0.0226873,
      0.984182,
      -0.1757
    ],
    "Manufacturer": "Philips",
    "NumberOfVolumesDiscardedByScanner": 2,
    "ParallelAcquisitionTechnique": "SENSE",
    "ParallelReductionFactorInPlane": 2,
    "PatientPosition": "HFS",
    "PhaseEncodingDirection": "j",
    "PhilipsRescaleIntercept": 0,
    "PhilipsRescaleSlope": 0.78706,
    "PhilipsScaleSlope": 0.0771505,
    "ProtocolName": "WIPpioprsSENSE",
    "PulseSequenceType": "gradient echo EPI",
    "ReconMatrixPE": 80,
    "RepetitionTime": 0.75,
    "SeriesDescription": "ImageMRSERIES",
    "SeriesNumber": 6,
    "SliceEncodingDirection": "k",
    "SliceTiming": [
      0.0,
      0.06755050505050506,
      0.1351010101010101,
      0.20265151515151517,
      0.2702020202020202,
      0.3377525252525253,
      0.40530303030303033,
      0.47285353535353536,
      0.5404040404040404,
      0.6079545454545455,
      0.6755050505050506,
      0.7430555555555556,
      0.0,
      0.06755050505050506,
      0.1351010101010101,
      0.20265151515151517,
      0.2702020202020202,
      0.3377525252525253,
      0.40530303030303033,
      0.47285353535353536,
      0.5404040404040404,
      0.6079545454545455,
      0.6755050505050506,
      0.7430555555555556,
      0.0,
      0.06755050505050506,
      0.1351010101010101,
      0.20265151515151517,
      0.2702020202020202,
      0.3377525252525253,
      0.40530303030303033,
      0.47285353535353536,
      0.5404040404040404,
      0.6079545454545455,
      0.6755050505050506,
      0.7430555555555556
    ],
    "TaskName": "restingstate",
    "TotalReadoutTime": 0.024699802401580786,
    "UsePhilipsFloatNotDisplayScaling": 1,
    "acq_id": "mb3",
    "dataset": "ds002785",
    "modality": "bold",
    "subject_id": "0099",
    "task_id": "restingstate"
  },
  "dummy_trs": 1,
  "dvars_nstd": 29.751084463326357,
  "dvars_std": 1.1667985653765687,
  "dvars_vstd": 1.0146275405439331,
  "efc": 0.47571767425023787,
  "fber": 123367.1484375,
  "fd_mean": 0.09214687480923191,
  "fd_num": 9,
  "fd_perc": 1.8789144050104385,
  "fwhm_avg": 1.8851800086484134,
  "fwhm_x": 1.8136133333333333,
  "fwhm_y": 2.04636,
  "fwhm_z": 1.7955666926119067,
  "gcor": 0.0148953,
  "gsr_x": -0.01992887631058693,
  "gsr_y": 0.027326706796884537,
  "provenance": {
    "md5sum": "48b8d20b225f132d5834253db6ff4f7e",
    "settings": {
      "fd_thres": 0.2,
      "testing": false
    },
    "software": "mriqc",
    "version": "22.0.0rc1",
    "webapi_port": null,
    "webapi_url": "https://mriqc.nimh.nih.gov/api/v1"
  },
  "size_t": 479,
  "size_x": 80,
  "size_y": 80,
  "size_z": 36,
  "snr": 5.966636733657156,
  "spacing_tr": 0.75,
  "spacing_x": 3.0,
  "spacing_y": 3.0,
  "spacing_z": 3.299999952316284,
  "summary_bg_k": 31.09015127782053,
  "summary_bg_mad": 57.14254704590789,
  "summary_bg_mean": 602.1646728515625,
  "summary_bg_median": 49.793540954589844,
  "summary_bg_n": 147068.0,
  "summary_bg_p05": 3.142543387413025,
  "summary_bg_p95": 3474.1694335937495,
  "summary_bg_stdv": 1614.7840576171875,
  "summary_fg_k": 1.7473981871392246,
  "summary_fg_mad": 2681.3628484150186,
  "summary_fg_mean": 18152.640625,
  "summary_fg_median": 18000.986328125,
  "summary_fg_n": 41431.0,
  "summary_fg_p05": 13614.92578125,
  "summary_fg_p95": 23031.580078125,
  "summary_fg_stdv": 3016.90380859375,
  "tsnr": 51.380149841308594
}