{
  "aor": 0.00042748484848484846,
  "aqi": 0.010073369727272727,
  "bids_meta": {
    "AcquisitionNumber": 2,
    "BidsifyVersion": "0.3.5",
    "ConversionSoftware": "dcm2niix",
    "ConversionSoftwareVersion": "v1.0.20181125  GCC6.3.0",
    "EchoTime": 0.02762,
    "EffectiveEchoSpacing": 0.0006333282667071997,
    "ImageComments": "piop",
    "ImageOrientationPatientDICOM": [
      0.999741,
      -0.0226103,
      0.00244044,
      0.0226873,
      0.984182,
      -0.1757
    ],
    "Manufacturer": "Philips",
    "NumberOfVolumesDiscardedByScanner": 2,
    "ParallelAcquisitionTechnique": "SENSE",
    "ParallelReductionFactorInPlane": 2,
    "PatientPosition": "HFS",
    "PhaseEncodingDirection": "j",
    "PhilipsRescaleIntercept": 0,
    "PhilipsRescaleSlope": 0.78974,
    "PhilipsScaleSlope": 0.0822066,
    "ProtocolName": "WIPpiopfacesSENSE",
    "PulseSequenceType": "gradient echo EPI",
    "ReconMatrixPE": 80,
    "RepetitionTime": 0.75,
    "SeriesDescription": "ImageMRSERIES",
    "SeriesNumber": 2,
    "SliceEncodingDirection": "k",
    "SliceTiming": [
      0.0,
      0.06755050505050506,
      0.1351010101010101,
      0.20265151515151517,
      0.2702020202020202,
      0.3377525252525253,
      0.40530303030303033,
      0.47285353535353536,
      0.5404040404040404,
      0.6079545454545455,
      0.6755050505050506,
      0.7430555555555556,
      0.0,
      0.06755050505050506,
      0.1351010101010101,
      0.20265151515151517,
      0.2702020202020202,
      0.3377525252525253,
      0.40530303030303033,
      0.47285353535353536,
      0.5404040404040404,
      0.6079545454545455,
      0.6755050505050506,
      0.7430555555555556,
      0.0,
      0.06755050505050506,
      0.1351010101010101,
      0.20265151515151517,
      0.2702020202020202,
      0.3377525252525253,
      0.40530303030303033,
      0.47285353535353536,
      0.5404040404040404,
      0.6079545454545455,
      0.6755050505050506,
      0.7430555555555556
    ],
    "TaskName": "faces",
    "TotalReadoutTime": 0.024699802401580786,
    "UsePhilipsFloatNotDisplayScaling": 1,
    "acq_id": "mb3",
    "dataset": "ds002785",
    "modality": "bold",
    "subject_id": "0099",
    "task_id": "faces"
  },
  "dummy_trs": 0,
  "dvars_nstd": 26.534718811914896,
  "dvars_std": 1.149866122674772,
  "dvars_vstd": 0.974614802613982,
  "efc": 0.47549741841439663,
  "fber": 144639.25,
  "fd_mean": 0.08845764759971987,
  "fd_num": 2,
  "fd_perc": 0.6060606060606061,
  "fwhm_avg": 2.0602464186174005,
  "fwhm_x": 2.01668,
  "fwhm_y": 2.26155,
  "fwhm_z": 1.9025092558522012,
  "gcor": 0.0164715,
  "gsr_x": -0.022140834480524063,
  "gsr_y": 0.02628159523010254,
  "provenance": {
    "md5sum": "dfd0dfeafc77ebccd1de53aceb3c2d41",
    "settings": {
      "fd_thres": 0.2,
      "testing": false
    },
    "software": "mriqc",
    "version": "22.0.0rc1",
    "webapi_port": null,
    "webapi_url": "https://mriqc.nimh.nih.gov/api/v1"
  },
  "size_t": 330,
  "size_x": 80,
  "size_y": 80,
  "size_z": 36,
  "snr": 6.2090991783471114,
  "spacing_tr": 0.75,
  "spacing_x": 3.0,
  "spacing_y": 3.0,
  "spacing_z": 3.299999713897705,
  "summary_bg_k": 28.624626906471335,
  "summary_bg_mad": 49.92813298755572,
  "summary_bg_mean": 631.0073852539062,
  "summary_bg_median": 47.763248443603516,
  "summary_bg_n": 148033.0,
  "summary_bg_p05": 4.844710159301758,
  "summary_bg_p95": 3572.0412597656245,
  "summary_bg_stdv": 1679.2308349609375,
  "summary_fg_k": 1.3807283805905621,
  "summary_fg_mad": 2666.432580761474,
  "summary_fg_mean": 18485.58984375,
  "summary_fg_median": 18359.78515625,
  "summary_fg_n": 41412.0,
  "summary_fg_p05": 13953.250341796875,
  "summary_fg_p95": 23293.824609375,
  "summary_fg_stdv": 2956.88037109375,
  "tsnr": 53.48390197753906
}