{
  "aor": 0.0014243723849372387,
  "aqi": 0.012456455376569038,
  "bids_meta": {
    "AcquisitionNumber": 6,
    "BidsifyVersion": "0.3.5",
    "ConversionSoftware": "dcm2niix",
    "ConversionSoftwareVersion": "v1.0.20181125  GCC6.3.0",
    "EchoTime": 0.02762,
    "EffectiveEchoSpacing": 0.0006333282667071997,
    "ImageComments": "Piop",
    "ImageOrientationPatientDICOM": [
      0.998448,
      -0.0489576,
      0.02655,
      0.0556471,
      0.896385,
      -0.43977
    ],
    "Manufacturer": "Philips",
    "NumberOfVolumesDiscardedByScanner": 2,
    "ParallelAcquisitionTechnique": "SENSE",
    "ParallelReductionFactorInPlane": 2,
    "PatientPosition": "HFS",
    "PhaseEncodingDirection": "j",
    "PhilipsRescaleIntercept": 0,
    "PhilipsRescaleSlope": 0.78803,
    "PhilipsScaleSlope": 0.0912431,
    "ProtocolName": "WIPpioprsSENSE",
    "PulseSequenceType": "gradient echo EPI",
    "ReconMatrixPE": 80,
    "RepetitionTime": 0.75,
    "SeriesDescription": "ImageMRSERIES",
    "SeriesNumber": 6,
    "SliceEncodingDirection": "k",
    "SliceTiming": [
      0.0,
      0.06755050505050506,
      0.1351010101010101,
      0.20265151515151517,
      0.2702020202020202,
      0.3377525252525253,
      0.40530303030303033,
      0.47285353535353536,
      0.5404040404040404,
      0.6079545454545455,
      0.6755050505050506,
      0.7430555555555556,
      0.0,
      0.06755050505050506,
      0.1351010101010101,
      0.20265151515151517,
      0.2702020202020202,
      0.3377525252525253,
      0.40530303030303033,
      0.47285353535353536,
      0.5404040404040404,
      0.6079545454545455,
      0.6755050505050506,
      0.7430555555555556,
      0.0,
      0.06755050505050506,
      0.1351010101010101,
      0.20265151515151517,
      0.2702020202020202,
      0.3377525252525253,
      0.40530303030303033,
      0.47285353535353536,
      0.5404040404040404,
      0.6079545454545455,
      0.6755050505050506,
      0.7430555555555556
    ],
    "TaskName": "restingstate",
    "TotalReadoutTime": 0.024699802401580786,
    "UsePhilipsFloatNotDisplayScaling": 1,
    "acq_id": "mb3",
    "dataset": "ds002785",
    "modality": "bold",
    "subject_id": "0095",
    "task_id": "restingstate"
  },
  "dummy_trs": 2,
  "dvars_nstd": 27.199216094696023,
  "dvars_std": 1.1431597334800847,
  "dvars_vstd": 1.0081813166876312,
  "efc": 0.4403756131401078,
  "fber": 119250.578125,
  "fd_mean": 0.0933094525054837,
  "fd_num": 18,
  "fd_perc": 3.7656903765690375,
  "fwhm_avg": 1.7817513214390077,
  "fwhm_x": 1.7538466666666668,
  "fwhm_y": 1.86658,
  "fwhm_z": 1.724827297650356,
  "gcor": 0.0152246,
  "gsr_x": -0.020654475316405296,
  "gsr_y": 0.01848866604268551,
  "provenance": {
    "md5sum": "3b6c21886e0fd22c35c2fa9505d64055",
    "settings": {
      "fd_thres": 0.2,
      "testing": false
    },
    "software": "mriqc",
    "version": "22.0.0rc1",
    "webapi_port": null,
    "webapi_url": "https://mriqc.nimh.nih.gov/api/v1"
  },
  "size_t": 478,
  "size_x": 80,
  "size_y": 80,
  "size_z": 36,
  "snr": 6.648458354133817,
  "spacing_tr": 0.75,
  "spacing_x": 3.0,
  "spacing_y": 3.0,
  "spacing_z": 3.299999952316284,
  "summary_bg_k": 43.70435419639792,
  "summary_bg_mad": 48.558963887471506,
  "summary_bg_mean": 356.91387939453125,
  "summary_bg_median": 49.54179763793945,
  "summary_bg_n": 151853.0,
  "summary_bg_p05": 4.7760579109191905,
  "summary_bg_p95": 1911.4067626953124,
  "summary_bg_stdv": 1073.1064453125,
  "summary_fg_k": 0.4784298388036885,
  "summary_fg_mad": 2601.630991412201,
  "summary_fg_mean": 17638.603515625,
  "summary_fg_median": 17572.888671875,
  "summary_fg_n": 37529.0,
  "summary_fg_p05": 13443.4642578125,
  "summary_fg_p95": 21982.77734375,
  "summary_fg_stdv": 2643.1171875,
  "tsnr": 47.057830810546875
}