{
  "aor": 0.0013994242424242422,
  "aqi": 0.007563591363636364,
  "bids_meta": {
    "AcquisitionNumber": 2,
    "BidsifyVersion": "0.3.5",
    "ConversionSoftware": "dcm2niix",
    "ConversionSoftwareVersion": "v1.0.20181125  GCC6.3.0",
    "EchoTime": 0.02762,
    "EffectiveEchoSpacing": 0.0006333282667071997,
    "ImageComments": "Piop",
    "ImageOrientationPatientDICOM": [
      0.998448,
      -0.0489576,
      0.02655,
      0.0556471,
      0.896385,
      -0.43977
    ],
    "Manufacturer": "Philips",
    "NumberOfVolumesDiscardedByScanner": 2,
    "ParallelAcquisitionTechnique": "SENSE",
    "ParallelReductionFactorInPlane": 2,
    "PatientPosition": "HFS",
    "PhaseEncodingDirection": "j",
    "PhilipsRescaleIntercept": 0,
    "PhilipsRescaleSlope": 0.76239,
    "PhilipsScaleSlope": 0.0953565,
    "ProtocolName": "WIPpiopfacesSENSE",
    "PulseSequenceType": "gradient echo EPI",
    "ReconMatrixPE": 80,
    "RepetitionTime": 0.75,
    "SeriesDescription": "ImageMRSERIES",
    "SeriesNumber": 2,
    "SliceEncodingDirection": "k",
    "SliceTiming": [
      0.0,
      0.06755050505050506,
      0.1351010101010101,
      0.20265151515151517,
      0.2702020202020202,
      0.3377525252525253,
      0.40530303030303033,
      0.47285353535353536,
      0.5404040404040404,
      0.6079545454545455,
      0.6755050505050506,
      0.7430555555555556,
      0.0,
      0.06755050505050506,
      0.1351010101010101,
      0.20265151515151517,
      0.2702020202020202,
      0.3377525252525253,
      0.40530303030303033,
      0.47285353535353536,
      0.5404040404040404,
      0.6079545454545455,
      0.6755050505050506,
      0.7430555555555556,
      0.0,
      0.06755050505050506,
      0.1351010101010101,
      0.20265151515151517,
      0.2702020202020202,
      0.3377525252525253,
      0.40530303030303033,
      0.47285353535353536,
      0.5404040404040404,
      0.6079545454545455,
      0.6755050505050506,
      0.7430555555555556
    ],
    "TaskName": "faces",
    "TotalReadoutTime": 0.024699802401580786,
    "UsePhilipsFloatNotDisplayScaling": 1,
    "acq_id": "mb3",
    "dataset": "ds002785",
    "modality": "bold",
    "subject_id": "0095",
    "task_id": "faces"
  },
  "dummy_trs": 0,
  "dvars_nstd": 20.73786972097265,
  "dvars_std": 1.0989957117325218,
  "dvars_vstd": 1.01934779218845,
  "efc": 0.4401952315606897,
  "fber": 128772.828125,
  "fd_mean": 0.10843696433633424,
  "fd_num": 20,
  "fd_perc": 6.0606060606060606,
  "fwhm_avg": 2.009376216165812,
  "fwhm_x": 1.9988633333333334,
  "fwhm_y": 2.1416833333333334,
  "fwhm_z": 1.8875819818307689,
  "gcor": 0.0267753,
  "gsr_x": -0.021121028810739517,
  "gsr_y": 0.017631031572818756,
  "provenance": {
    "md5sum": "85143f71729cfcc7f91e101c2a47a30d",
    "settings": {
      "fd_thres": 0.2,
      "testing": false
    },
    "software": "mriqc",
    "version": "22.0.0rc1",
    "webapi_port": null,
    "webapi_url": "https://mriqc.nimh.nih.gov/api/v1"
  },
  "size_t": 330,
  "size_x": 80,
  "size_y": 80,
  "size_z": 36,
  "snr": 6.663103296460097,
  "spacing_tr": 0.75,
  "spacing_x": 3.0,
  "spacing_y": 3.0,
  "spacing_z": 3.299999713897705,
  "summary_bg_k": 45.83815759532403,
  "summary_bg_mad": 47.40648928621593,
  "summary_bg_mean": 345.19158935546875,
  "summary_bg_median": 48.880374908447266,
  "summary_bg_n": 151856.0,
  "summary_bg_p05": 4.632285237312317,
  "summary_bg_p95": 1801.507080078125,
  "summary_bg_stdv": 1033.4140625,
  "summary_fg_k": 0.33885156801564253,
  "summary_fg_mad": 2643.5861728445707,
  "summary_fg_mean": 17953.140625,
  "summary_fg_median": 17923.6171875,
  "summary_fg_n": 37562.0,
  "summary_fg_p05": 13574.562255859375,
  "summary_fg_p95": 22352.21376953125,
  "summary_fg_stdv": 2689.944580078125,
  "tsnr": 60.65827178955078
}