{
  "aor": 0.0037752653061224493,
  "aqi": 0.006638505020408163,
  "bids_meta": {
    "AcquisitionNumber": 3,
    "BidsifyVersion": "0.3.5",
    "ConversionSoftware": "dcm2niix",
    "ConversionSoftwareVersion": "v1.0.20181125  GCC6.3.0",
    "EchoTime": 0.02762,
    "EffectiveEchoSpacing": 0.0006621159151938905,
    "ImageComments": "Piop",
    "ImageOrientationPatientDICOM": [
      0.998448,
      -0.0489576,
      0.02655,
      0.0556471,
      0.896385,
      -0.43977
    ],
    "Manufacturer": "Philips",
    "NumberOfVolumesDiscardedByScanner": 2,
    "ParallelAcquisitionTechnique": "SENSE",
    "ParallelReductionFactorInPlane": 2,
    "PatientPosition": "HFS",
    "PhaseEncodingDirection": "j",
    "PhilipsRescaleIntercept": 0,
    "PhilipsRescaleSlope": 0.81368,
    "PhilipsScaleSlope": 0.0556032,
    "ProtocolName": "WIPpiopgstroopSENSE",
    "PulseSequenceType": "gradient echo EPI",
    "ReconMatrixPE": 80,
    "RepetitionTime": 2,
    "SeriesDescription": "ImageMRSERIES",
    "SeriesNumber": 3,
    "SliceEncodingDirection": "k",
    "SliceTiming": [
      0.0,
      0.0541,
      0.1081,
      0.1622,
      0.2162,
      0.2703,
      0.3243,
      0.3784,
      0.4324,
      0.4865,
      0.5405,
      0.5946,
      0.6486,
      0.7027,
      0.7568,
      0.8108,
      0.8649,
      0.9189,
      0.973,
      1.027,
      1.0811,
      1.1351,
      1.1892,
      1.2432,
      1.2973,
      1.3514,
      1.4054,
      1.4595,
      1.5135,
      1.5676,
      1.6216,
      1.6757,
      1.7297,
      1.7838,
      1.8378,
      1.8919,
      1.9459
    ],
    "TaskName": "gstroop",
    "TotalReadoutTime": 0.025822520692561732,
    "UsePhilipsFloatNotDisplayScaling": 1,
    "acq_id": "seq",
    "dataset": "ds002785",
    "modality": "bold",
    "subject_id": "0095",
    "task_id": "gstroop"
  },
  "dummy_trs": 0,
  "dvars_nstd": 27.95649605897541,
  "dvars_std": 1.3336773480327875,
  "dvars_vstd": 0.9935997466803284,
  "efc": 0.43657498516582,
  "fber": 148243.875,
  "fd_mean": 0.16534594065228517,
  "fd_num": 54,
  "fd_perc": 22.040816326530614,
  "fwhm_avg": 1.8286038469400225,
  "fwhm_x": 1.7984466666666667,
  "fwhm_y": 1.9109466666666668,
  "fwhm_z": 1.7764182074867338,
  "gcor": 0.0225248,
  "gsr_x": -0.023662464693188667,
  "gsr_y": 0.014820688404142857,
  "provenance": {
    "md5sum": "4b5a9cb0de6461514206d339a9e30fa4",
    "settings": {
      "fd_thres": 0.2,
      "testing": false
    },
    "software": "mriqc",
    "version": "22.0.0rc1",
    "webapi_port": null,
    "webapi_url": "https://mriqc.nimh.nih.gov/api/v1"
  },
  "size_t": 245,
  "size_x": 80,
  "size_y": 80,
  "size_z": 37,
  "snr": 5.021341195267106,
  "spacing_tr": 2.0,
  "spacing_x": 3.0,
  "spacing_y": 3.0,
  "spacing_z": 3.299999952316284,
  "summary_bg_k": 43.336245393759825,
  "summary_bg_mad": 60.313036357073656,
  "summary_bg_mean": 541.8941040039062,
  "summary_bg_median": 61.974327087402344,
  "summary_bg_n": 156509.0,
  "summary_bg_p05": 6.530152130126953,
  "summary_bg_p95": 2868.2221679687545,
  "summary_bg_stdv": 1678.963623046875,
  "summary_fg_k": 0.7604423077009317,
  "summary_fg_mad": 4880.248711589868,
  "summary_fg_mean": 25046.638671875,
  "summary_fg_median": 24667.81640625,
  "summary_fg_n": 38148.0,
  "summary_fg_p05": 17835.89453125,
  "summary_fg_p95": 33378.253515625,
  "summary_fg_stdv": 4912.53076171875,
  "tsnr": 62.01176452636719
}