{
  "aor": 0.0035399382716049376,
  "aqi": 0.006436447283950617,
  "bids_meta": {
    "AcquisitionNumber": 8,
    "BidsifyVersion": "0.3.5",
    "ConversionSoftware": "dcm2niix",
    "ConversionSoftwareVersion": "v1.0.20181125  GCC6.3.0",
    "EchoTime": 0.02762,
    "EffectiveEchoSpacing": 0.0006621159151938905,
    "ImageComments": "Piop",
    "ImageOrientationPatientDICOM": [
      0.998448,
      -0.0489576,
      0.02655,
      0.0556471,
      0.896385,
      -0.43977
    ],
    "Manufacturer": "Philips",
    "NumberOfVolumesDiscardedByScanner": 2,
    "ParallelAcquisitionTechnique": "SENSE",
    "ParallelReductionFactorInPlane": 2,
    "PatientPosition": "HFS",
    "PhaseEncodingDirection": "j",
    "PhilipsRescaleIntercept": 0,
    "PhilipsRescaleSlope": 0.79976,
    "PhilipsScaleSlope": 0.0586497,
    "ProtocolName": "WIPpiopwmSENSE",
    "PulseSequenceType": "gradient echo EPI",
    "ReconMatrixPE": 80,
    "RepetitionTime": 2,
    "SeriesDescription": "ImageMRSERIES",
    "SeriesNumber": 8,
    "SliceEncodingDirection": "k",
    "SliceTiming": [
      0.0,
      0.0541,
      0.1081,
      0.1622,
      0.2162,
      0.2703,
      0.3243,
      0.3784,
      0.4324,
      0.4865,
      0.5405,
      0.5946,
      0.6486,
      0.7027,
      0.7568,
      0.8108,
      0.8649,
      0.9189,
      0.973,
      1.027,
      1.0811,
      1.1351,
      1.1892,
      1.2432,
      1.2973,
      1.3514,
      1.4054,
      1.4595,
      1.5135,
      1.5676,
      1.6216,
      1.6757,
      1.7297,
      1.7838,
      1.8378,
      1.8919,
      1.9459
    ],
    "TaskName": "workingmemory",
    "TotalReadoutTime": 0.025822520692561732,
    "UsePhilipsFloatNotDisplayScaling": 1,
    "acq_id": "seq",
    "dataset": "ds002785",
    "modality": "bold",
    "subject_id": "0095",
    "task_id": "workingmemory"
  },
  "dummy_trs": 0,
  "dvars_nstd": 29.841462603726704,
  "dvars_std": 1.4035915607453413,
  "dvars_vstd": 0.9908030038509318,
  "efc": 0.4377877175579049,
  "fber": 136946.40625,
  "fd_mean": 0.1393495397850613,
  "fd_num": 24,
  "fd_perc": 14.814814814814815,
  "fwhm_avg": 1.8422545541567288,
  "fwhm_x": 1.8051599999999999,
  "fwhm_y": 1.9148733333333334,
  "fwhm_z": 1.806730329136853,
  "gcor": 0.0356317,
  "gsr_x": -0.02422507107257843,
  "gsr_y": 0.015475197695195675,
  "provenance": {
    "md5sum": "2f2f0a10d890a3803669b2c712d744f8",
    "settings": {
      "fd_thres": 0.2,
      "testing": false
    },
    "software": "mriqc",
    "version": "22.0.0rc1",
    "webapi_port": null,
    "webapi_url": "https://mriqc.nimh.nih.gov/api/v1"
  },
  "size_t": 162,
  "size_x": 80,
  "size_y": 80,
  "size_z": 37,
  "snr": 4.968853542182348,
  "spacing_tr": 2.0,
  "spacing_x": 3.0,
  "spacing_y": 3.0,
  "spacing_z": 3.299999952316284,
  "summary_bg_k": 36.74314662912287,
  "summary_bg_mad": 63.798696136395385,
  "summary_bg_mean": 564.7835083007812,
  "summary_bg_median": 64.52875518798828,
  "summary_bg_n": 156601.0,
  "summary_bg_p05": 5.935061454772949,
  "summary_bg_p95": 3032.593017578125,
  "summary_bg_stdv": 1717.255859375,
  "summary_fg_k": 0.771861038032724,
  "summary_fg_mad": 4975.807057704487,
  "summary_fg_mean": 25013.90234375,
  "summary_fg_median": 24625.509765625,
  "summary_fg_n": 38134.0,
  "summary_fg_p05": 17732.17197265625,
  "summary_fg_p95": 33398.049999999996,
  "summary_fg_stdv": 4955.9091796875,
  "tsnr": 64.2526626586914
}