{
  "aor": 0.012350424242424243,
  "aqi": 0.01730439878787879,
  "bids_meta": {
    "AcquisitionNumber": 2,
    "BidsifyVersion": "0.3.5",
    "ConversionSoftware": "dcm2niix",
    "ConversionSoftwareVersion": "v1.0.20181125  GCC6.3.0",
    "EchoTime": 0.02763,
    "EffectiveEchoSpacing": 0.0006333282667071997,
    "ImageComments": "piop",
    "ImageOrientationPatientDICOM": [
      0.996145,
      -0.0876718,
      0.00282743,
      0.0871514,
      0.99286,
      0.0814512
    ],
    "Manufacturer": "Philips",
    "NumberOfVolumesDiscardedByScanner": 2,
    "ParallelAcquisitionTechnique": "SENSE",
    "ParallelReductionFactorInPlane": 2,
    "PatientPosition": "HFS",
    "PhaseEncodingDirection": "j",
    "PhilipsRescaleIntercept": 0,
    "PhilipsRescaleSlope": 0.80659,
    "PhilipsScaleSlope": 0.0916675,
    "ProtocolName": "WIPpiopfacesSENSE",
    "PulseSequenceType": "gradient echo EPI",
    "ReconMatrixPE": 80,
    "RepetitionTime": 0.75,
    "SeriesDescription": "ImageMRSERIES",
    "SeriesNumber": 2,
    "SliceEncodingDirection": "k",
    "SliceTiming": [
      0.0,
      0.06755050505050506,
      0.1351010101010101,
      0.20265151515151517,
      0.2702020202020202,
      0.3377525252525253,
      0.40530303030303033,
      0.47285353535353536,
      0.5404040404040404,
      0.6079545454545455,
      0.6755050505050506,
      0.7430555555555556,
      0.0,
      0.06755050505050506,
      0.1351010101010101,
      0.20265151515151517,
      0.2702020202020202,
      0.3377525252525253,
      0.40530303030303033,
      0.47285353535353536,
      0.5404040404040404,
      0.6079545454545455,
      0.6755050505050506,
      0.7430555555555556,
      0.0,
      0.06755050505050506,
      0.1351010101010101,
      0.20265151515151517,
      0.2702020202020202,
      0.3377525252525253,
      0.40530303030303033,
      0.47285353535353536,
      0.5404040404040404,
      0.6079545454545455,
      0.6755050505050506,
      0.7430555555555556
    ],
    "TaskName": "faces",
    "TotalReadoutTime": 0.024699802401580786,
    "UsePhilipsFloatNotDisplayScaling": 1,
    "acq_id": "mb3",
    "dataset": "ds002785",
    "modality": "bold",
    "subject_id": "0166",
    "task_id": "faces"
  },
  "dummy_trs": 0,
  "dvars_nstd": 21.9265310643769,
  "dvars_std": 1.1412701827051672,
  "dvars_vstd": 1.121232207203648,
  "efc": 0.44352551462787776,
  "fber": 136440.625,
  "fd_mean": 0.0921918077237892,
  "fd_num": 11,
  "fd_perc": 3.3333333333333335,
  "fwhm_avg": 1.9413440910955566,
  "fwhm_x": 1.97473,
  "fwhm_y": 2.095223333333333,
  "fwhm_z": 1.7540789399533363,
  "gcor": 0.0108427,
  "gsr_x": -0.006637446582317352,
  "gsr_y": 0.009908491745591164,
  "provenance": {
    "md5sum": "e1cde198158f22d31aba28c15dfb84b0",
    "settings": {
      "fd_thres": 0.2,
      "testing": false
    },
    "software": "mriqc",
    "version": "22.0.0rc1",
    "webapi_port": null,
    "webapi_url": "https://mriqc.nimh.nih.gov/api/v1"
  },
  "size_t": 330,
  "size_x": 80,
  "size_y": 80,
  "size_z": 36,
  "snr": 7.9168463403585205,
  "spacing_tr": 0.75,
  "spacing_x": 3.0,
  "spacing_y": 3.0,
  "spacing_z": 3.299999713897705,
  "summary_bg_k": 29.43351077154763,
  "summary_bg_mad": 61.42697245719179,
  "summary_bg_mean": 555.8728637695312,
  "summary_bg_median": 49.173118591308594,
  "summary_bg_n": 155795.0,
  "summary_bg_p05": 1.2955284714698794,
  "summary_bg_p95": 2890.294604492183,
  "summary_bg_stdv": 1332.56298828125,
  "summary_fg_k": 2.1737741321629063,
  "summary_fg_mad": 2034.8512749467325,
  "summary_fg_mean": 18233.34765625,
  "summary_fg_median": 18224.98828125,
  "summary_fg_n": 34141.0,
  "summary_fg_p05": 14636.0556640625,
  "summary_fg_p95": 21974.06640625,
  "summary_fg_stdv": 2302.017822265625,
  "tsnr": 54.3376350402832
}