{
  "aor": 0.0006534426229508198,
  "aqi": 0.004496152540983607,
  "bids_meta": {
    "AcquisitionNumber": 3,
    "BidsifyVersion": "0.3.5",
    "ConversionSoftware": "dcm2niix",
    "ConversionSoftwareVersion": "v1.0.20181125  GCC6.3.0",
    "EchoTime": 0.02762,
    "EffectiveEchoSpacing": 0.0006621159151938905,
    "ImageComments": "piop",
    "ImageOrientationPatientDICOM": [
      0.999896,
      0.0066021,
      -0.0128475,
      -0.00610809,
      0.999255,
      0.0381182
    ],
    "Manufacturer": "Philips",
    "NumberOfVolumesDiscardedByScanner": 2,
    "ParallelAcquisitionTechnique": "SENSE",
    "ParallelReductionFactorInPlane": 2,
    "PatientPosition": "HFS",
    "PhaseEncodingDirection": "j",
    "PhilipsRescaleIntercept": 0,
    "PhilipsRescaleSlope": 0.77729,
    "PhilipsScaleSlope": 0.0488383,
    "ProtocolName": "WIPpiopgstroopSENSE",
    "PulseSequenceType": "gradient echo EPI",
    "ReconMatrixPE": 80,
    "RepetitionTime": 2,
    "SeriesDescription": "ImageMRSERIES",
    "SeriesNumber": 3,
    "SliceEncodingDirection": "k",
    "SliceTiming": [
      0.0,
      0.0541,
      0.1081,
      0.1622,
      0.2162,
      0.2703,
      0.3243,
      0.3784,
      0.4324,
      0.4865,
      0.5405,
      0.5946,
      0.6486,
      0.7027,
      0.7568,
      0.8108,
      0.8649,
      0.9189,
      0.973,
      1.027,
      1.0811,
      1.1351,
      1.1892,
      1.2432,
      1.2973,
      1.3514,
      1.4054,
      1.4595,
      1.5135,
      1.5676,
      1.6216,
      1.6757,
      1.7297,
      1.7838,
      1.8378,
      1.8919,
      1.9459
    ],
    "TaskName": "gstroop",
    "TotalReadoutTime": 0.025822520692561732,
    "UsePhilipsFloatNotDisplayScaling": 1,
    "acq_id": "seq",
    "dataset": "ds002785",
    "modality": "bold",
    "subject_id": "0184",
    "task_id": "gstroop"
  },
  "dummy_trs": 1,
  "dvars_nstd": 23.142472522263382,
  "dvars_std": 1.2862416427160484,
  "dvars_vstd": 0.9711176967901238,
  "efc": 0.45938629780574614,
  "fber": 120128.4765625,
  "fd_mean": 0.09583186048888254,
  "fd_num": 7,
  "fd_perc": 2.8688524590163933,
  "fwhm_avg": 1.9248957663887067,
  "fwhm_x": 1.84572,
  "fwhm_y": 2.09924,
  "fwhm_z": 1.8297272991661202,
  "gcor": 0.019961,
  "gsr_x": -0.01712527684867382,
  "gsr_y": 0.028762174770236015,
  "provenance": {
    "md5sum": "8595ee358ba19d924d23fa70ca5669d6",
    "settings": {
      "fd_thres": 0.2,
      "testing": false
    },
    "software": "mriqc",
    "version": "22.0.0rc1",
    "webapi_port": null,
    "webapi_url": "https://mriqc.nimh.nih.gov/api/v1"
  },
  "size_t": 244,
  "size_x": 80,
  "size_y": 80,
  "size_z": 37,
  "snr": 4.481465738102258,
  "spacing_tr": 2.0,
  "spacing_x": 3.0,
  "spacing_y": 3.0,
  "spacing_z": 3.299999952316284,
  "summary_bg_k": 60.73723799049848,
  "summary_bg_mad": 78.27975020347904,
  "summary_bg_mean": 755.9856567382812,
  "summary_bg_median": 72.34902954101562,
  "summary_bg_n": 152637.0,
  "summary_bg_p05": 7.410610675811768,
  "summary_bg_p95": 3686.6537109374976,
  "summary_bg_stdv": 2206.526123046875,
  "summary_fg_k": 2.096835088039801,
  "summary_fg_mad": 4953.950257811362,
  "summary_fg_mean": 26763.419921875,
  "summary_fg_median": 25820.63671875,
  "summary_fg_n": 41832.0,
  "summary_fg_p05": 19086.67646484375,
  "summary_fg_p95": 37361.778320312485,
  "summary_fg_stdv": 5761.5810546875,
  "tsnr": 77.73387145996094
}