{
  "aor": 0.0013943,
  "aqi": 0.0045242562,
  "bids_meta": {
    "AcquisitionNumber": 9,
    "BidsifyVersion": "0.3.5",
    "ConversionSoftware": "dcm2niix",
    "ConversionSoftwareVersion": "v1.0.20181125  GCC6.3.0",
    "EchoTime": 0.02762,
    "EffectiveEchoSpacing": 0.0006621159151938905,
    "ImageComments": "piop",
    "ImageOrientationPatientDICOM": [
      0.999896,
      0.0066021,
      -0.0128475,
      -0.00610809,
      0.999255,
      0.0381182
    ],
    "Manufacturer": "Philips",
    "NumberOfVolumesDiscardedByScanner": 2,
    "ParallelAcquisitionTechnique": "SENSE",
    "ParallelReductionFactorInPlane": 2,
    "PatientPosition": "HFS",
    "PhaseEncodingDirection": "j",
    "PhilipsRescaleIntercept": 0,
    "PhilipsRescaleSlope": 0.77338,
    "PhilipsScaleSlope": 0.0524615,
    "ProtocolName": "WIPpiopanticipatieSENSE",
    "PulseSequenceType": "gradient echo EPI",
    "ReconMatrixPE": 80,
    "RepetitionTime": 2,
    "SeriesDescription": "ImageMRSERIES",
    "SeriesNumber": 9,
    "SliceEncodingDirection": "k",
    "SliceTiming": [
      0.0,
      0.0541,
      0.1081,
      0.1622,
      0.2162,
      0.2703,
      0.3243,
      0.3784,
      0.4324,
      0.4865,
      0.5405,
      0.5946,
      0.6486,
      0.7027,
      0.7568,
      0.8108,
      0.8649,
      0.9189,
      0.973,
      1.027,
      1.0811,
      1.1351,
      1.1892,
      1.2432,
      1.2973,
      1.3514,
      1.4054,
      1.4595,
      1.5135,
      1.5676,
      1.6216,
      1.6757,
      1.7297,
      1.7838,
      1.8378,
      1.8919,
      1.9459
    ],
    "TaskName": "anticipation",
    "TotalReadoutTime": 0.025822520692561732,
    "UsePhilipsFloatNotDisplayScaling": 1,
    "acq_id": "seq",
    "dataset": "ds002785",
    "modality": "bold",
    "subject_id": "0184",
    "task_id": "anticipation"
  },
  "dummy_trs": 0,
  "dvars_nstd": 25.862595534070362,
  "dvars_std": 1.3408563346231162,
  "dvars_vstd": 1.0006874769849246,
  "efc": 0.4613593545812483,
  "fber": 111966.703125,
  "fd_mean": 0.11308410256395841,
  "fd_num": 15,
  "fd_perc": 7.5,
  "fwhm_avg": 1.968037382834586,
  "fwhm_x": 1.8918666666666668,
  "fwhm_y": 2.1235,
  "fwhm_z": 1.8887454818370917,
  "gcor": 0.0220174,
  "gsr_x": -0.017560144886374474,
  "gsr_y": 0.027515187859535217,
  "provenance": {
    "md5sum": "83fbbe96185da95a2cbcd37c1dafd1bc",
    "settings": {
      "fd_thres": 0.2,
      "testing": false
    },
    "software": "mriqc",
    "version": "22.0.0rc1",
    "webapi_port": null,
    "webapi_url": "https://mriqc.nimh.nih.gov/api/v1"
  },
  "size_t": 200,
  "size_x": 80,
  "size_y": 80,
  "size_z": 37,
  "snr": 4.4605118375934625,
  "spacing_tr": 2.0,
  "spacing_x": 3.0,
  "spacing_y": 3.0,
  "spacing_z": 3.299999952316284,
  "summary_bg_k": 47.97278651067504,
  "summary_bg_mad": 81.6906560505227,
  "summary_bg_mean": 796.1781005859375,
  "summary_bg_median": 74.41748046875,
  "summary_bg_n": 152951.0,
  "summary_bg_p05": 7.5292840003967285,
  "summary_bg_p95": 4005.56591796875,
  "summary_bg_stdv": 2243.42529296875,
  "summary_fg_k": 1.7989797551368358,
  "summary_fg_mad": 4960.671194821423,
  "summary_fg_mean": 26382.826171875,
  "summary_fg_median": 25505.541015625,
  "summary_fg_n": 41674.0,
  "summary_fg_p05": 18617.37841796875,
  "summary_fg_p95": 36798.003515625,
  "summary_fg_stdv": 5718.00634765625,
  "tsnr": 73.32276916503906
}