{
  "aor": 0.0013804444444444443,
  "aqi": 0.0036471619259259257,
  "bids_meta": {
    "AcquisitionNumber": 5,
    "BidsifyVersion": "0.3.5",
    "ConversionSoftware": "dcm2niix",
    "ConversionSoftwareVersion": "v1.0.20181125  GCC6.3.0",
    "EchoTime": 0.02762,
    "EffectiveEchoSpacing": 0.0006621159151938905,
    "ImageComments": "piop",
    "ImageOrientationPatientDICOM": [
      0.999896,
      0.0066021,
      -0.0128475,
      -0.00610809,
      0.999255,
      0.0381182
    ],
    "Manufacturer": "Philips",
    "NumberOfVolumesDiscardedByScanner": 2,
    "ParallelAcquisitionTechnique": "SENSE",
    "ParallelReductionFactorInPlane": 2,
    "PatientPosition": "HFS",
    "PhaseEncodingDirection": "j",
    "PhilipsRescaleIntercept": 0,
    "PhilipsRescaleSlope": 0.79292,
    "PhilipsScaleSlope": 0.0506508,
    "ProtocolName": "WIPpiopharririSENSE",
    "PulseSequenceType": "gradient echo EPI",
    "ReconMatrixPE": 80,
    "RepetitionTime": 2,
    "SeriesDescription": "ImageMRSERIES",
    "SeriesNumber": 5,
    "SliceEncodingDirection": "k",
    "SliceTiming": [
      0.0,
      0.0541,
      0.1081,
      0.1622,
      0.2162,
      0.2703,
      0.3243,
      0.3784,
      0.4324,
      0.4865,
      0.5405,
      0.5946,
      0.6486,
      0.7027,
      0.7568,
      0.8108,
      0.8649,
      0.9189,
      0.973,
      1.027,
      1.0811,
      1.1351,
      1.1892,
      1.2432,
      1.2973,
      1.3514,
      1.4054,
      1.4595,
      1.5135,
      1.5676,
      1.6216,
      1.6757,
      1.7297,
      1.7838,
      1.8378,
      1.8919,
      1.9459
    ],
    "TaskName": "emomatching",
    "TotalReadoutTime": 0.025822520692561732,
    "UsePhilipsFloatNotDisplayScaling": 1,
    "acq_id": "seq",
    "dataset": "ds002785",
    "modality": "bold",
    "subject_id": "0184",
    "task_id": "emomatching"
  },
  "dummy_trs": 0,
  "dvars_nstd": 26.232368113283574,
  "dvars_std": 1.4111515477611944,
  "dvars_vstd": 1.0054911855223885,
  "efc": 0.46024939612069604,
  "fber": 118323.0703125,
  "fd_mean": 0.10465069282920005,
  "fd_num": 8,
  "fd_perc": 5.925925925925926,
  "fwhm_avg": 1.9843919283491633,
  "fwhm_x": 1.9092366666666667,
  "fwhm_y": 2.14273,
  "fwhm_z": 1.9012091183808228,
  "gcor": 0.0167614,
  "gsr_x": -0.017606539651751518,
  "gsr_y": 0.02724168449640274,
  "provenance": {
    "md5sum": "7fcf67ccc37f9d4dc3a92f176e3574b9",
    "settings": {
      "fd_thres": 0.2,
      "testing": false
    },
    "software": "mriqc",
    "version": "22.0.0rc1",
    "webapi_port": null,
    "webapi_url": "https://mriqc.nimh.nih.gov/api/v1"
  },
  "size_t": 135,
  "size_x": 80,
  "size_y": 80,
  "size_z": 37,
  "snr": 4.402376369372216,
  "spacing_tr": 2.0,
  "spacing_x": 3.0,
  "spacing_y": 3.0,
  "spacing_z": 3.299999952316284,
  "summary_bg_k": 51.47073325740476,
  "summary_bg_mad": 80.4846334840083,
  "summary_bg_mean": 777.5493774414062,
  "summary_bg_median": 73.67549896240234,
  "summary_bg_n": 152673.0,
  "summary_bg_p05": 7.329467678070069,
  "summary_bg_p95": 3887.3300292968697,
  "summary_bg_stdv": 2208.188232421875,
  "summary_fg_k": 1.7180204342645187,
  "summary_fg_mad": 5206.383555464146,
  "summary_fg_mean": 26985.3203125,
  "summary_fg_median": 26090.533203125,
  "summary_fg_n": 41837.0,
  "summary_fg_p05": 18844.0109375,
  "summary_fg_p95": 37818.06093749999,
  "summary_fg_stdv": 5926.39501953125,
  "tsnr": 82.15966796875
}