{
  "aor": 0.0004545896656534954,
  "aqi": 0.005486013221884499,
  "bids_meta": {
    "AcquisitionNumber": 2,
    "BidsifyVersion": "0.3.5",
    "ConversionSoftware": "dcm2niix",
    "ConversionSoftwareVersion": "v1.0.20181125  GCC6.3.0",
    "EchoTime": 0.02762,
    "EffectiveEchoSpacing": 0.0006333282667071997,
    "ImageComments": "piop",
    "ImageOrientationPatientDICOM": [
      0.999896,
      0.0066021,
      -0.0128475,
      -0.00610809,
      0.999255,
      0.0381182
    ],
    "Manufacturer": "Philips",
    "NumberOfVolumesDiscardedByScanner": 2,
    "ParallelAcquisitionTechnique": "SENSE",
    "ParallelReductionFactorInPlane": 2,
    "PatientPosition": "HFS",
    "PhaseEncodingDirection": "j",
    "PhilipsRescaleIntercept": 0,
    "PhilipsRescaleSlope": 0.75922,
    "PhilipsScaleSlope": 0.080449,
    "ProtocolName": "WIPpiopfacesSENSE",
    "PulseSequenceType": "gradient echo EPI",
    "ReconMatrixPE": 80,
    "RepetitionTime": 0.75,
    "SeriesDescription": "ImageMRSERIES",
    "SeriesNumber": 2,
    "SliceEncodingDirection": "k",
    "SliceTiming": [
      0.0,
      0.06755050505050506,
      0.1351010101010101,
      0.20265151515151517,
      0.2702020202020202,
      0.3377525252525253,
      0.40530303030303033,
      0.47285353535353536,
      0.5404040404040404,
      0.6079545454545455,
      0.6755050505050506,
      0.7430555555555556,
      0.0,
      0.06755050505050506,
      0.1351010101010101,
      0.20265151515151517,
      0.2702020202020202,
      0.3377525252525253,
      0.40530303030303033,
      0.47285353535353536,
      0.5404040404040404,
      0.6079545454545455,
      0.6755050505050506,
      0.7430555555555556,
      0.0,
      0.06755050505050506,
      0.1351010101010101,
      0.20265151515151517,
      0.2702020202020202,
      0.3377525252525253,
      0.40530303030303033,
      0.47285353535353536,
      0.5404040404040404,
      0.6079545454545455,
      0.6755050505050506,
      0.7430555555555556
    ],
    "TaskName": "faces",
    "TotalReadoutTime": 0.024699802401580786,
    "UsePhilipsFloatNotDisplayScaling": 1,
    "acq_id": "mb3",
    "dataset": "ds002785",
    "modality": "bold",
    "subject_id": "0184",
    "task_id": "faces"
  },
  "dummy_trs": 1,
  "dvars_nstd": 29.724503604542704,
  "dvars_std": 1.295428401280487,
  "dvars_vstd": 0.9981449109756091,
  "efc": 0.46838188207114334,
  "fber": 104421.84375,
  "fd_mean": 0.07485465667653755,
  "fd_num": 2,
  "fd_perc": 0.60790273556231,
  "fwhm_avg": 2.2136712707470543,
  "fwhm_x": 2.21358,
  "fwhm_y": 2.3988033333333334,
  "fwhm_z": 2.028630478907829,
  "gcor": 0.0157926,
  "gsr_x": -0.02158084139227867,
  "gsr_y": 0.028784891590476036,
  "provenance": {
    "md5sum": "c312414fe74a7f1e683c8d43977bf8f5",
    "settings": {
      "fd_thres": 0.2,
      "testing": false
    },
    "software": "mriqc",
    "version": "22.0.0rc1",
    "webapi_port": null,
    "webapi_url": "https://mriqc.nimh.nih.gov/api/v1"
  },
  "size_t": 329,
  "size_x": 80,
  "size_y": 80,
  "size_z": 36,
  "snr": 5.212759809907113,
  "spacing_tr": 0.75,
  "spacing_x": 3.0,
  "spacing_y": 3.0,
  "spacing_z": 3.299999713897705,
  "summary_bg_k": 37.598300038454155,
  "summary_bg_mad": 69.35448558331353,
  "summary_bg_mean": 596.2479858398438,
  "summary_bg_median": 59.35688018798828,
  "summary_bg_n": 148236.0,
  "summary_bg_p05": 5.763794302940369,
  "summary_bg_p95": 2946.5879516601562,
  "summary_bg_stdv": 1527.1182861328125,
  "summary_fg_k": 0.42278461519141963,
  "summary_fg_mad": 3597.3750192936523,
  "summary_fg_mean": 19758.443359375,
  "summary_fg_median": 19496.27734375,
  "summary_fg_n": 40611.0,
  "summary_fg_p05": 14011.62939453125,
  "summary_fg_p95": 26168.42578125,
  "summary_fg_stdv": 3740.060546875,
  "tsnr": 62.355403900146484
}