{
  "aor": 0.003615432098765432,
  "aqi": 0.005941370432098766,
  "bids_meta": {
    "AcquisitionNumber": 8,
    "BidsifyVersion": "0.3.5",
    "ConversionSoftware": "dcm2niix",
    "ConversionSoftwareVersion": "v1.0.20181125  GCC6.3.0",
    "EchoTime": 0.02762,
    "EffectiveEchoSpacing": 0.0006621159151938905,
    "ImageComments": "piop",
    "ImageOrientationPatientDICOM": [
      0.999896,
      0.0066021,
      -0.0128475,
      -0.00610809,
      0.999255,
      0.0381182
    ],
    "Manufacturer": "Philips",
    "NumberOfVolumesDiscardedByScanner": 2,
    "ParallelAcquisitionTechnique": "SENSE",
    "ParallelReductionFactorInPlane": 2,
    "PatientPosition": "HFS",
    "PhaseEncodingDirection": "j",
    "PhilipsRescaleIntercept": 0,
    "PhilipsRescaleSlope": 0.80415,
    "PhilipsScaleSlope": 0.0510503,
    "ProtocolName": "WIPpiopwmSENSE",
    "PulseSequenceType": "gradient echo EPI",
    "ReconMatrixPE": 80,
    "RepetitionTime": 2,
    "SeriesDescription": "ImageMRSERIES",
    "SeriesNumber": 8,
    "SliceEncodingDirection": "k",
    "SliceTiming": [
      0.0,
      0.0541,
      0.1081,
      0.1622,
      0.2162,
      0.2703,
      0.3243,
      0.3784,
      0.4324,
      0.4865,
      0.5405,
      0.5946,
      0.6486,
      0.7027,
      0.7568,
      0.8108,
      0.8649,
      0.9189,
      0.973,
      1.027,
      1.0811,
      1.1351,
      1.1892,
      1.2432,
      1.2973,
      1.3514,
      1.4054,
      1.4595,
      1.5135,
      1.5676,
      1.6216,
      1.6757,
      1.7297,
      1.7838,
      1.8378,
      1.8919,
      1.9459
    ],
    "TaskName": "workingmemory",
    "TotalReadoutTime": 0.025822520692561732,
    "UsePhilipsFloatNotDisplayScaling": 1,
    "acq_id": "seq",
    "dataset": "ds002785",
    "modality": "bold",
    "subject_id": "0184",
    "task_id": "workingmemory"
  },
  "dummy_trs": 0,
  "dvars_nstd": 26.789794601863356,
  "dvars_std": 1.3984536473913043,
  "dvars_vstd": 1.0301674046583846,
  "efc": 0.46248763801894177,
  "fber": 110175.1875,
  "fd_mean": 0.1206382299665764,
  "fd_num": 17,
  "fd_perc": 10.493827160493828,
  "fwhm_avg": 1.9637889988172752,
  "fwhm_x": 1.8979,
  "fwhm_y": 2.14187,
  "fwhm_z": 1.8515969964518257,
  "gcor": 0.0295278,
  "gsr_x": -0.01782923936843872,
  "gsr_y": 0.02814492955803871,
  "provenance": {
    "md5sum": "adca666825102dcf7ecacd5a29fe5f86",
    "settings": {
      "fd_thres": 0.2,
      "testing": false
    },
    "software": "mriqc",
    "version": "22.0.0rc1",
    "webapi_port": null,
    "webapi_url": "https://mriqc.nimh.nih.gov/api/v1"
  },
  "size_t": 162,
  "size_x": 80,
  "size_y": 80,
  "size_z": 37,
  "snr": 4.451359943016644,
  "spacing_tr": 2.0,
  "spacing_x": 3.0,
  "spacing_y": 3.0,
  "spacing_z": 3.299999952316284,
  "summary_bg_k": 50.21375403432745,
  "summary_bg_mad": 84.61670339654643,
  "summary_bg_mean": 798.8021850585938,
  "summary_bg_median": 75.19502258300781,
  "summary_bg_n": 152579.0,
  "summary_bg_p05": 6.729501724243164,
  "summary_bg_p95": 4007.137036132815,
  "summary_bg_stdv": 2257.918212890625,
  "summary_fg_k": 1.803031183109172,
  "summary_fg_mad": 5033.281059331243,
  "summary_fg_mean": 26446.7578125,
  "summary_fg_median": 25557.779296875,
  "summary_fg_n": 41915.0,
  "summary_fg_p05": 18630.6642578125,
  "summary_fg_p95": 36921.13515624999,
  "summary_fg_stdv": 5741.498046875,
  "tsnr": 65.5550308227539
}