{
  "aor": 0.0007189937106918238,
  "aqi": 0.00821203855345912,
  "bids_meta": {
    "AcquisitionNumber": 6,
    "BidsifyVersion": "0.3.5",
    "ConversionSoftware": "dcm2niix",
    "ConversionSoftwareVersion": "v1.0.20181125  GCC6.3.0",
    "EchoTime": 0.02762,
    "EffectiveEchoSpacing": 0.0006333282667071997,
    "ImageComments": "piop",
    "ImageOrientationPatientDICOM": [
      0.999896,
      0.0066021,
      -0.0128475,
      -0.00610809,
      0.999255,
      0.0381182
    ],
    "Manufacturer": "Philips",
    "NumberOfVolumesDiscardedByScanner": 2,
    "ParallelAcquisitionTechnique": "SENSE",
    "ParallelReductionFactorInPlane": 2,
    "PatientPosition": "HFS",
    "PhaseEncodingDirection": "j",
    "PhilipsRescaleIntercept": 0,
    "PhilipsRescaleSlope": 0.78388,
    "PhilipsScaleSlope": 0.0836038,
    "ProtocolName": "WIPpioprsSENSE",
    "PulseSequenceType": "gradient echo EPI",
    "ReconMatrixPE": 80,
    "RepetitionTime": 0.75,
    "SeriesDescription": "ImageMRSERIES",
    "SeriesNumber": 6,
    "SliceEncodingDirection": "k",
    "SliceTiming": [
      0.0,
      0.06755050505050506,
      0.1351010101010101,
      0.20265151515151517,
      0.2702020202020202,
      0.3377525252525253,
      0.40530303030303033,
      0.47285353535353536,
      0.5404040404040404,
      0.6079545454545455,
      0.6755050505050506,
      0.7430555555555556,
      0.0,
      0.06755050505050506,
      0.1351010101010101,
      0.20265151515151517,
      0.2702020202020202,
      0.3377525252525253,
      0.40530303030303033,
      0.47285353535353536,
      0.5404040404040404,
      0.6079545454545455,
      0.6755050505050506,
      0.7430555555555556,
      0.0,
      0.06755050505050506,
      0.1351010101010101,
      0.20265151515151517,
      0.2702020202020202,
      0.3377525252525253,
      0.40530303030303033,
      0.47285353535353536,
      0.5404040404040404,
      0.6079545454545455,
      0.6755050505050506,
      0.7430555555555556
    ],
    "TaskName": "restingstate",
    "TotalReadoutTime": 0.024699802401580786,
    "UsePhilipsFloatNotDisplayScaling": 1,
    "acq_id": "mb3",
    "dataset": "ds002785",
    "modality": "bold",
    "subject_id": "0184",
    "task_id": "restingstate"
  },
  "dummy_trs": 3,
  "dvars_nstd": 33.83925931598741,
  "dvars_std": 1.28653597159664,
  "dvars_vstd": 1.0107628749999993,
  "efc": 0.4699484295626416,
  "fber": 97022.421875,
  "fd_mean": 0.07418024959726154,
  "fd_num": 1,
  "fd_perc": 0.20964360587002095,
  "fwhm_avg": 1.9187773824216483,
  "fwhm_x": 1.8744133333333333,
  "fwhm_y": 2.0789066666666667,
  "fwhm_z": 1.803012147264945,
  "gcor": 0.0244955,
  "gsr_x": -0.020547211170196533,
  "gsr_y": 0.028554899618029594,
  "provenance": {
    "md5sum": "6bec1b1657501ed34e58192184d17f1f",
    "settings": {
      "fd_thres": 0.2,
      "testing": false
    },
    "software": "mriqc",
    "version": "22.0.0rc1",
    "webapi_port": null,
    "webapi_url": "https://mriqc.nimh.nih.gov/api/v1"
  },
  "size_t": 477,
  "size_x": 80,
  "size_y": 80,
  "size_z": 36,
  "snr": 5.647049902065577,
  "spacing_tr": 0.75,
  "spacing_x": 3.0,
  "spacing_y": 3.0,
  "spacing_z": 3.299999952316284,
  "summary_bg_k": 42.39464205817033,
  "summary_bg_mad": 69.11961090553217,
  "summary_bg_mean": 592.89599609375,
  "summary_bg_median": 57.92362594604492,
  "summary_bg_n": 148238.0,
  "summary_bg_p05": 4.145100498199463,
  "summary_bg_p95": 2942.446752929683,
  "summary_bg_stdv": 1581.375,
  "summary_fg_k": 0.7385045461919555,
  "summary_fg_mad": 3026.9626378220987,
  "summary_fg_mean": 18563.162109375,
  "summary_fg_median": 18374.8515625,
  "summary_fg_n": 40786.0,
  "summary_fg_p05": 13552.99951171875,
  "summary_fg_p95": 24122.84765625,
  "summary_fg_stdv": 3253.84521484375,
  "tsnr": 52.6072998046875
}