{
  "bids_meta": {
    "AcquisitionNumber": 4,
    "BidsifyVersion": "0.3.5",
    "ConversionSoftware": "dcm2niix",
    "ConversionSoftwareVersion": "v1.0.20181125  GCC6.3.0",
    "EchoTime": 0.00375,
    "ImageComments": "Piop",
    "ImageOrientationPatientDICOM": [
      0.999965,
      -0.00263559,
      0.00793867,
      0.00331602,
      0.996207,
      -0.086956
    ],
    "Manufacturer": "Philips",
    "PatientPosition": "HFS",
    "PhilipsRescaleIntercept": 0,
    "PhilipsRescaleSlope": 9.81514,
    "PhilipsScaleSlope": 0.00744309,
    "ProtocolName": "WIPt13dSENSE",
    "ReconMatrixPE": 240,
    "RepetitionTime": 0.008178,
    "SeriesDescription": "ImageMRSERIES",
    "SeriesNumber": 4,
    "UsePhilipsFloatNotDisplayScaling": 1,
    "dataset": "ds002785",
    "modality": "T1w",
    "subject_id": "0031"
  },
  "cjv": 0.3601212286260837,
  "cnr": 3.4459228317291473,
  "efc": 0.7724864489467872,
  "fber": 960.1994018554688,
  "fwhm_avg": 3.3686666666666674,
  "fwhm_x": 3.34073,
  "fwhm_y": 3.51323,
  "fwhm_z": 3.25204,
  "icvs_csf": 0.19859375650349312,
  "icvs_gm": 0.43572492956828734,
  "icvs_wm": 0.3656813139282195,
  "inu_med": 0.5956266522407532,
  "inu_range": 0.23850737810134892,
  "provenance": {
    "md5sum": "e2fba46851362b77b2bed6ac96abdb83",
    "settings": {
      "testing": false
    },
    "software": "mriqc",
    "version": "22.0.0rc1",
    "warnings": {
      "large_rot_frame": true,
      "small_air_mask": true
    },
    "webapi_port": null,
    "webapi_url": "https://mriqc.nimh.nih.gov/api/v1"
  },
  "qi_1": 0.0,
  "qi_2": 0.00013516277862972483,
  "rpve_csf": 30.727878046218745,
  "rpve_gm": 15.41231346270116,
  "rpve_wm": 22.823114868350785,
  "size_x": 240,
  "size_y": 240,
  "size_z": 220,
  "snr_csf": 1.8632753870787073,
  "snr_gm": 6.650818441708921,
  "snr_total": 9.124308515271753,
  "snr_wm": 18.85883171702763,
  "snrd_csf": 15.092464456097026,
  "snrd_gm": 30.18940959634606,
  "snrd_total": 31.278159540391357,
  "snrd_wm": 48.55260456873099,
  "spacing_x": 1.0,
  "spacing_y": 1.0,
  "spacing_z": 1.0,
  "summary_bg_k": 18.495060945034776,
  "summary_bg_mad": 13.49333291908832,
  "summary_bg_mean": 20.395267486572266,
  "summary_bg_median": 17.989116668701172,
  "summary_bg_n": 207174.0,
  "summary_bg_p05": 0.0,
  "summary_bg_p95": 55.170773696899396,
  "summary_bg_stdv": 22.247594833374023,
  "summary_csf_k": 4.592332821000143,
  "summary_csf_mad": 212.5494519614797,
  "summary_csf_mean": 299.4914855957031,
  "summary_csf_median": 310.84771728515625,
  "summary_csf_n": 4667.0,
  "summary_csf_p05": 70.18402252197265,
  "summary_csf_p95": 534.7364929199218,
  "summary_csf_stdv": 166.81077575683594,
  "summary_gm_k": 0.3800846467485801,
  "summary_gm_mad": 85.841890230095,
  "summary_gm_mean": 627.6829833984375,
  "summary_gm_median": 621.7877197265625,
  "summary_gm_n": 14132.0,
  "summary_gm_p05": 482.64861450195315,
  "summary_gm_p95": 795.5673858642577,
  "summary_gm_stdv": 93.48709869384766,
  "summary_wm_k": 0.5769173152885347,
  "summary_wm_mad": 50.36042478355897,
  "summary_wm_mean": 998.4043579101562,
  "summary_wm_median": 1000.0001220703125,
  "summary_wm_n": 180382.0,
  "summary_wm_p05": 908.607177734375,
  "summary_wm_p95": 1081.7776306152343,
  "summary_wm_stdv": 53.025413513183594,
  "tpm_overlap_csf": 0.17260675132274628,
  "tpm_overlap_gm": 0.4578453004360199,
  "tpm_overlap_wm": 0.509486198425293,
  "wm2max": 0.5591519037969127
}