{
  "aor": 0.0016901500000000003,
  "aqi": 0.00305186245,
  "bids_meta": {
    "AcquisitionNumber": 9,
    "BidsifyVersion": "0.3.5",
    "ConversionSoftware": "dcm2niix",
    "ConversionSoftwareVersion": "v1.0.20181125  GCC6.3.0",
    "EchoTime": 0.02762,
    "EffectiveEchoSpacing": 0.0006621159151938905,
    "ImageComments": "PioP",
    "ImageOrientationPatientDICOM": [
      0.995535,
      0.0943908,
      4.75161e-06,
      -0.0895497,
      0.944493,
      -0.316092
    ],
    "Manufacturer": "Philips",
    "NumberOfVolumesDiscardedByScanner": 2,
    "ParallelAcquisitionTechnique": "SENSE",
    "ParallelReductionFactorInPlane": 2,
    "PatientPosition": "HFS",
    "PhaseEncodingDirection": "j",
    "PhilipsRescaleIntercept": 0,
    "PhilipsRescaleSlope": 0.78877,
    "PhilipsScaleSlope": 0.0587375,
    "ProtocolName": "WIPpiopanticipatieSENSE",
    "PulseSequenceType": "gradient echo EPI",
    "ReconMatrixPE": 80,
    "RepetitionTime": 2,
    "SeriesDescription": "ImageMRSERIES",
    "SeriesNumber": 9,
    "SliceEncodingDirection": "k",
    "SliceTiming": [
      0.0,
      0.0541,
      0.1081,
      0.1622,
      0.2162,
      0.2703,
      0.3243,
      0.3784,
      0.4324,
      0.4865,
      0.5405,
      0.5946,
      0.6486,
      0.7027,
      0.7568,
      0.8108,
      0.8649,
      0.9189,
      0.973,
      1.027,
      1.0811,
      1.1351,
      1.1892,
      1.2432,
      1.2973,
      1.3514,
      1.4054,
      1.4595,
      1.5135,
      1.5676,
      1.6216,
      1.6757,
      1.7297,
      1.7838,
      1.8378,
      1.8919,
      1.9459
    ],
    "TaskName": "anticipation",
    "TotalReadoutTime": 0.025822520692561732,
    "UsePhilipsFloatNotDisplayScaling": 1,
    "acq_id": "seq",
    "dataset": "ds002785",
    "modality": "bold",
    "subject_id": "0043",
    "task_id": "anticipation"
  },
  "dummy_trs": 0,
  "dvars_nstd": 18.95511137386935,
  "dvars_std": 1.154006145728643,
  "dvars_vstd": 0.9955547915577884,
  "efc": 0.44246743832432656,
  "fber": 154039.171875,
  "fd_mean": 0.14114377432271027,
  "fd_num": 25,
  "fd_perc": 12.5,
  "fwhm_avg": 1.7430977859941477,
  "fwhm_x": 1.6770800000000001,
  "fwhm_y": 1.8463466666666666,
  "fwhm_z": 1.7058666913157765,
  "gcor": 0.0165753,
  "gsr_x": -0.018375549465417862,
  "gsr_y": 0.01357239205390215,
  "provenance": {
    "md5sum": "c4032e18a098151867f1ed4b47359b6b",
    "settings": {
      "fd_thres": 0.2,
      "testing": false
    },
    "software": "mriqc",
    "version": "22.0.0rc1",
    "webapi_port": null,
    "webapi_url": "https://mriqc.nimh.nih.gov/api/v1"
  },
  "size_t": 200,
  "size_x": 80,
  "size_y": 80,
  "size_z": 37,
  "snr": 5.273870998888317,
  "spacing_tr": 2.0,
  "spacing_x": 3.0,
  "spacing_y": 3.0,
  "spacing_z": 3.299999952316284,
  "summary_bg_k": 34.3058642811277,
  "summary_bg_mad": 61.35786359914525,
  "summary_bg_mean": 751.2447509765625,
  "summary_bg_median": 61.50583267211914,
  "summary_bg_n": 158003.0,
  "summary_bg_p05": 6.551785564422607,
  "summary_bg_p95": 4673.064160156246,
  "summary_bg_stdv": 2172.091064453125,
  "summary_fg_k": 2.4172071354821956,
  "summary_fg_mad": 4154.17323215133,
  "summary_fg_mean": 25169.09375,
  "summary_fg_median": 24538.697265625,
  "summary_fg_n": 37081.0,
  "summary_fg_p05": 18997.857421875,
  "summary_fg_p95": 33158.796875,
  "summary_fg_stdv": 4652.81884765625,
  "tsnr": 87.92121887207031
}