{
  "bids_meta": {
    "AcquisitionNumber": 4,
    "BidsifyVersion": "0.3.5",
    "ConversionSoftware": "dcm2niix",
    "ConversionSoftwareVersion": "v1.0.20181125  GCC6.3.0",
    "EchoTime": 0.00378,
    "ImageComments": "Piop",
    "ImageOrientationPatientDICOM": [
      0.997775,
      -0.0605994,
      -0.0277842,
      0.0582303,
      0.995145,
      -0.0793426
    ],
    "Manufacturer": "Philips",
    "PatientPosition": "HFS",
    "PhilipsRescaleIntercept": 0,
    "PhilipsRescaleSlope": 8.74383,
    "PhilipsScaleSlope": 0.00713293,
    "ProtocolName": "WIPt13dSENSE",
    "ReconMatrixPE": 240,
    "RepetitionTime": 0.008225,
    "SeriesDescription": "ImageMRSERIES",
    "SeriesNumber": 4,
    "UsePhilipsFloatNotDisplayScaling": 1,
    "dataset": "ds002785",
    "modality": "T1w",
    "subject_id": "0095"
  },
  "cjv": 0.3085299611645849,
  "cnr": 4.018119787078773,
  "efc": 0.7569401950133688,
  "fber": 1772.22314453125,
  "fwhm_avg": 3.401493398288294,
  "fwhm_x": 3.39095,
  "fwhm_y": 3.54424,
  "fwhm_z": 3.2692901948648805,
  "icvs_csf": 0.2069737903445557,
  "icvs_gm": 0.42225112131670106,
  "icvs_wm": 0.37077508833874323,
  "inu_med": 1.3889285326004028,
  "inu_range": 0.32291901111602783,
  "provenance": {
    "md5sum": "210a6134236cf0237f5f6a9ddebb99cf",
    "settings": {
      "testing": false
    },
    "software": "mriqc",
    "version": "22.0.0rc1",
    "warnings": {
      "large_rot_frame": true,
      "small_air_mask": true
    },
    "webapi_port": null,
    "webapi_url": "https://mriqc.nimh.nih.gov/api/v1"
  },
  "qi_1": 0.0,
  "qi_2": 0.000252077473535011,
  "rpve_csf": 27.30221100853631,
  "rpve_gm": 14.382908904657492,
  "rpve_wm": 21.137959369853732,
  "size_x": 240,
  "size_y": 240,
  "size_z": 220,
  "snr_csf": 2.2377965847407353,
  "snr_gm": 7.118816015784859,
  "snr_total": 10.061845922224565,
  "snr_wm": 20.828925166148103,
  "snrd_csf": 21.25031628687122,
  "snrd_gm": 47.32125834770486,
  "snrd_total": 48.92881628404515,
  "snrd_wm": 78.21487421755934,
  "spacing_x": 1.0,
  "spacing_y": 1.0,
  "spacing_z": 0.9999999403953552,
  "summary_bg_k": 286.59302168138214,
  "summary_bg_mad": 8.375903811342278,
  "summary_bg_mean": 12.104784965515137,
  "summary_bg_median": 11.261043548583984,
  "summary_bg_n": 170074.0,
  "summary_bg_p05": 0.0,
  "summary_bg_p95": 28.884693813323977,
  "summary_bg_stdv": 11.64168643951416,
  "summary_csf_k": -0.15004125263346912,
  "summary_csf_mad": 149.2054893538872,
  "summary_csf_mean": 262.1274108886719,
  "summary_csf_median": 271.684814453125,
  "summary_csf_n": 5631.0,
  "summary_csf_p05": 73.99127578735352,
  "summary_csf_p95": 442.9787902832031,
  "summary_csf_stdv": 121.3965072631836,
  "summary_gm_k": 0.291349438690121,
  "summary_gm_mad": 79.18307519409379,
  "summary_gm_mean": 607.7020263671875,
  "summary_gm_median": 605.001220703125,
  "summary_gm_n": 14812.0,
  "summary_gm_p05": 470.9215576171875,
  "summary_gm_p95": 756.1904266357421,
  "summary_gm_stdv": 84.98334503173828,
  "summary_wm_k": 1.238717692799625,
  "summary_wm_mad": 42.67829387915134,
  "summary_wm_mean": 996.98388671875,
  "summary_wm_median": 999.9754028320312,
  "summary_wm_n": 193991.0,
  "summary_wm_p05": 913.5992431640625,
  "summary_wm_p95": 1069.349609375,
  "summary_wm_stdv": 48.008853912353516,
  "tpm_overlap_csf": 0.16793572902679443,
  "tpm_overlap_gm": 0.4399239718914032,
  "tpm_overlap_wm": 0.5124179124832153,
  "wm2max": 0.644342681616895
}