{
  "aor": 0.0012289795918367346,
  "aqi": 0.005049858979591837,
  "bids_meta": {
    "AcquisitionNumber": 3,
    "BidsifyVersion": "0.3.5",
    "ConversionSoftware": "dcm2niix",
    "ConversionSoftwareVersion": "v1.0.20181125  GCC6.3.0",
    "EchoTime": 0.02762,
    "EffectiveEchoSpacing": 0.0006621159151938905,
    "ImageComments": "PIOP",
    "ImageOrientationPatientDICOM": [
      0.997721,
      0.0666112,
      0.0107648,
      -0.0610232,
      0.958839,
      -0.277315
    ],
    "Manufacturer": "Philips",
    "NumberOfVolumesDiscardedByScanner": 2,
    "ParallelAcquisitionTechnique": "SENSE",
    "ParallelReductionFactorInPlane": 2,
    "PatientPosition": "HFS",
    "PhaseEncodingDirection": "j",
    "PhilipsRescaleIntercept": 0,
    "PhilipsRescaleSlope": 0.82173,
    "PhilipsScaleSlope": 0.0525766,
    "ProtocolName": "WIPpiopgstroopSENSE",
    "PulseSequenceType": "gradient echo EPI",
    "ReconMatrixPE": 80,
    "RepetitionTime": 2,
    "SeriesDescription": "ImageMRSERIES",
    "SeriesNumber": 3,
    "SliceEncodingDirection": "k",
    "SliceTiming": [
      0.0,
      0.0541,
      0.1081,
      0.1622,
      0.2162,
      0.2703,
      0.3243,
      0.3784,
      0.4324,
      0.4865,
      0.5405,
      0.5946,
      0.6486,
      0.7027,
      0.7568,
      0.8108,
      0.8649,
      0.9189,
      0.973,
      1.027,
      1.0811,
      1.1351,
      1.1892,
      1.2432,
      1.2973,
      1.3514,
      1.4054,
      1.4595,
      1.5135,
      1.5676,
      1.6216,
      1.6757,
      1.7297,
      1.7838,
      1.8378,
      1.8919,
      1.9459
    ],
    "TaskName": "gstroop",
    "TotalReadoutTime": 0.025822520692561732,
    "UsePhilipsFloatNotDisplayScaling": 1,
    "acq_id": "seq",
    "dataset": "ds002785",
    "modality": "bold",
    "subject_id": "0191",
    "task_id": "gstroop"
  },
  "dummy_trs": 0,
  "dvars_nstd": 20.563788730491805,
  "dvars_std": 1.1577662786885237,
  "dvars_vstd": 0.9798653437295091,
  "efc": 0.447575363534475,
  "fber": 142700.03125,
  "fd_mean": 0.10623882219345643,
  "fd_num": 13,
  "fd_perc": 5.3061224489795915,
  "fwhm_avg": 1.8332862713762028,
  "fwhm_x": 1.7736266666666667,
  "fwhm_y": 1.9095866666666668,
  "fwhm_z": 1.8166454807952748,
  "gcor": 0.0156417,
  "gsr_x": -0.0056189121678471565,
  "gsr_y": 0.010532236658036709,
  "provenance": {
    "md5sum": "3e88a47937036d4d19774673fc1be209",
    "settings": {
      "fd_thres": 0.2,
      "testing": false
    },
    "software": "mriqc",
    "version": "22.0.0rc1",
    "webapi_port": null,
    "webapi_url": "https://mriqc.nimh.nih.gov/api/v1"
  },
  "size_t": 245,
  "size_x": 80,
  "size_y": 80,
  "size_z": 37,
  "snr": 4.883502072374589,
  "spacing_tr": 2.0,
  "spacing_x": 3.0,
  "spacing_y": 3.0,
  "spacing_z": 3.299999952316284,
  "summary_bg_k": 61.782862582071985,
  "summary_bg_mad": 67.3474040071529,
  "summary_bg_mean": 613.7559814453125,
  "summary_bg_median": 61.676902770996094,
  "summary_bg_n": 154898.0,
  "summary_bg_p05": 3.1978839159011843,
  "summary_bg_p95": 3229.573413085937,
  "summary_bg_stdv": 1852.2725830078125,
  "summary_fg_k": 1.1741664620415735,
  "summary_fg_mad": 4639.716771589541,
  "summary_fg_mean": 24428.392578125,
  "summary_fg_median": 23854.373046875,
  "summary_fg_n": 39559.0,
  "summary_fg_p05": 17485.9095703125,
  "summary_fg_p95": 32797.51640625,
  "summary_fg_stdv": 4884.6240234375,
  "tsnr": 70.4992446899414
}