{
  "aor": 0.001575925925925926,
  "aqi": 0.002984767703703704,
  "bids_meta": {
    "AcquisitionNumber": 5,
    "BidsifyVersion": "0.3.5",
    "ConversionSoftware": "dcm2niix",
    "ConversionSoftwareVersion": "v1.0.20181125  GCC6.3.0",
    "EchoTime": 0.02762,
    "EffectiveEchoSpacing": 0.0006621159151938905,
    "ImageComments": "PIOP",
    "ImageOrientationPatientDICOM": [
      0.997721,
      0.0666112,
      0.0107648,
      -0.0610232,
      0.958839,
      -0.277315
    ],
    "Manufacturer": "Philips",
    "NumberOfVolumesDiscardedByScanner": 2,
    "ParallelAcquisitionTechnique": "SENSE",
    "ParallelReductionFactorInPlane": 2,
    "PatientPosition": "HFS",
    "PhaseEncodingDirection": "j",
    "PhilipsRescaleIntercept": 0,
    "PhilipsRescaleSlope": 0.81709,
    "PhilipsScaleSlope": 0.053575,
    "ProtocolName": "WIPpiopharririSENSE",
    "PulseSequenceType": "gradient echo EPI",
    "ReconMatrixPE": 80,
    "RepetitionTime": 2,
    "SeriesDescription": "ImageMRSERIES",
    "SeriesNumber": 5,
    "SliceEncodingDirection": "k",
    "SliceTiming": [
      0.0,
      0.0541,
      0.1081,
      0.1622,
      0.2162,
      0.2703,
      0.3243,
      0.3784,
      0.4324,
      0.4865,
      0.5405,
      0.5946,
      0.6486,
      0.7027,
      0.7568,
      0.8108,
      0.8649,
      0.9189,
      0.973,
      1.027,
      1.0811,
      1.1351,
      1.1892,
      1.2432,
      1.2973,
      1.3514,
      1.4054,
      1.4595,
      1.5135,
      1.5676,
      1.6216,
      1.6757,
      1.7297,
      1.7838,
      1.8378,
      1.8919,
      1.9459
    ],
    "TaskName": "emomatching",
    "TotalReadoutTime": 0.025822520692561732,
    "UsePhilipsFloatNotDisplayScaling": 1,
    "acq_id": "seq",
    "dataset": "ds002785",
    "modality": "bold",
    "subject_id": "0191",
    "task_id": "emomatching"
  },
  "dummy_trs": 0,
  "dvars_nstd": 23.56637719865671,
  "dvars_std": 1.3215176347014919,
  "dvars_vstd": 1.0122005130597018,
  "efc": 0.44780235810751295,
  "fber": 146395.375,
  "fd_mean": 0.09164781300422412,
  "fd_num": 4,
  "fd_perc": 2.962962962962963,
  "fwhm_avg": 1.8559249583531303,
  "fwhm_x": 1.7966833333333332,
  "fwhm_y": 1.9319733333333333,
  "fwhm_z": 1.8391182083927242,
  "gcor": 0.0205522,
  "gsr_x": -0.006467517465353012,
  "gsr_y": 0.01063609216362238,
  "provenance": {
    "md5sum": "a8f0b920b1e883c51cc03d89734dff04",
    "settings": {
      "fd_thres": 0.2,
      "testing": false
    },
    "software": "mriqc",
    "version": "22.0.0rc1",
    "webapi_port": null,
    "webapi_url": "https://mriqc.nimh.nih.gov/api/v1"
  },
  "size_t": 135,
  "size_x": 80,
  "size_y": 80,
  "size_z": 37,
  "snr": 4.742940530932235,
  "spacing_tr": 2.0,
  "spacing_x": 3.0,
  "spacing_y": 3.0,
  "spacing_z": 3.299999952316284,
  "summary_bg_k": 46.82951206584772,
  "summary_bg_mad": 64.65358730915153,
  "summary_bg_mean": 656.5016479492188,
  "summary_bg_median": 61.189979553222656,
  "summary_bg_n": 155392.0,
  "summary_bg_p05": 2.783717703819275,
  "summary_bg_p95": 3494.397656249991,
  "summary_bg_stdv": 1945.7127685546875,
  "summary_fg_k": 1.0507592920101212,
  "summary_fg_mad": 4771.167411646302,
  "summary_fg_mean": 24452.125,
  "summary_fg_median": 23859.376953125,
  "summary_fg_n": 39531.0,
  "summary_fg_p05": 17193.0537109375,
  "summary_fg_p95": 33074.009765625,
  "summary_fg_stdv": 5030.439453125,
  "tsnr": 83.06326293945312
}