{
  "aor": 0.0003811212121212121,
  "aqi": 0.00641264796969697,
  "bids_meta": {
    "AcquisitionNumber": 2,
    "BidsifyVersion": "0.3.5",
    "ConversionSoftware": "dcm2niix",
    "ConversionSoftwareVersion": "v1.0.20181125  GCC6.3.0",
    "EchoTime": 0.02762,
    "EffectiveEchoSpacing": 0.0006333282667071997,
    "ImageComments": "PIOP",
    "ImageOrientationPatientDICOM": [
      0.997699,
      0.0667852,
      0.0117014,
      -0.0596237,
      0.946357,
      -0.317575
    ],
    "Manufacturer": "Philips",
    "NumberOfVolumesDiscardedByScanner": 2,
    "ParallelAcquisitionTechnique": "SENSE",
    "ParallelReductionFactorInPlane": 2,
    "PatientPosition": "HFS",
    "PhaseEncodingDirection": "j",
    "PhilipsRescaleIntercept": 0,
    "PhilipsRescaleSlope": 0.87521,
    "PhilipsScaleSlope": 0.0864669,
    "ProtocolName": "WIPpiopfacesSENSE",
    "PulseSequenceType": "gradient echo EPI",
    "ReconMatrixPE": 80,
    "RepetitionTime": 0.75,
    "SeriesDescription": "ImageMRSERIES",
    "SeriesNumber": 2,
    "SliceEncodingDirection": "k",
    "SliceTiming": [
      0.0,
      0.06755050505050506,
      0.1351010101010101,
      0.20265151515151517,
      0.2702020202020202,
      0.3377525252525253,
      0.40530303030303033,
      0.47285353535353536,
      0.5404040404040404,
      0.6079545454545455,
      0.6755050505050506,
      0.7430555555555556,
      0.0,
      0.06755050505050506,
      0.1351010101010101,
      0.20265151515151517,
      0.2702020202020202,
      0.3377525252525253,
      0.40530303030303033,
      0.47285353535353536,
      0.5404040404040404,
      0.6079545454545455,
      0.6755050505050506,
      0.7430555555555556,
      0.0,
      0.06755050505050506,
      0.1351010101010101,
      0.20265151515151517,
      0.2702020202020202,
      0.3377525252525253,
      0.40530303030303033,
      0.47285353535353536,
      0.5404040404040404,
      0.6079545454545455,
      0.6755050505050506,
      0.7430555555555556
    ],
    "TaskName": "faces",
    "TotalReadoutTime": 0.024699802401580786,
    "UsePhilipsFloatNotDisplayScaling": 1,
    "acq_id": "mb3",
    "dataset": "ds002785",
    "modality": "bold",
    "subject_id": "0191",
    "task_id": "faces"
  },
  "dummy_trs": 0,
  "dvars_nstd": 31.33242596693008,
  "dvars_std": 1.2058601780243159,
  "dvars_vstd": 1.0020678756231,
  "efc": 0.4501585230375152,
  "fber": 134352.109375,
  "fd_mean": 0.07572074905746623,
  "fd_num": 1,
  "fd_perc": 0.30303030303030304,
  "fwhm_avg": 1.9745003639860272,
  "fwhm_x": 1.9511001550595088,
  "fwhm_y": 2.0479433333333334,
  "fwhm_z": 1.9244576035652394,
  "gcor": 0.00842827,
  "gsr_x": -0.008499757386744022,
  "gsr_y": 0.008015207014977932,
  "provenance": {
    "md5sum": "eb5febe8a389ab29310a4566105f0aa5",
    "settings": {
      "fd_thres": 0.2,
      "testing": false
    },
    "software": "mriqc",
    "version": "22.0.0rc1",
    "webapi_port": null,
    "webapi_url": "https://mriqc.nimh.nih.gov/api/v1"
  },
  "size_t": 330,
  "size_x": 80,
  "size_y": 80,
  "size_z": 36,
  "snr": 5.228788476460149,
  "spacing_tr": 0.75,
  "spacing_x": 2.999999761581421,
  "spacing_y": 3.0,
  "spacing_z": 3.299999952316284,
  "summary_bg_k": 39.66019254353054,
  "summary_bg_mad": 51.0258450665669,
  "summary_bg_mean": 449.1459045410156,
  "summary_bg_median": 44.96368408203125,
  "summary_bg_n": 151091.0,
  "summary_bg_p05": 1.807171642780304,
  "summary_bg_p95": 2334.2659912109375,
  "summary_bg_stdv": 1283.2525634765625,
  "summary_fg_k": 0.38517929100088555,
  "summary_fg_mad": 3129.8362649025376,
  "summary_fg_mean": 17048.51171875,
  "summary_fg_median": 16894.05078125,
  "summary_fg_n": 38268.0,
  "summary_fg_p05": 11910.869335937501,
  "summary_fg_p95": 22543.828125,
  "summary_fg_stdv": 3230.92626953125,
  "tsnr": 52.1417121887207
}