{
  "aor": 0.0016907933194154488,
  "aqi": 0.01132976369519833,
  "bids_meta": {
    "AcquisitionNumber": 6,
    "BidsifyVersion": "0.3.5",
    "ConversionSoftware": "dcm2niix",
    "ConversionSoftwareVersion": "v1.0.20181125  GCC6.3.0",
    "EchoTime": 0.02762,
    "EffectiveEchoSpacing": 0.0006333282667071997,
    "ImageComments": "PIOP",
    "ImageOrientationPatientDICOM": [
      0.997699,
      0.0667852,
      0.0117014,
      -0.0596237,
      0.946357,
      -0.317575
    ],
    "Manufacturer": "Philips",
    "NumberOfVolumesDiscardedByScanner": 2,
    "ParallelAcquisitionTechnique": "SENSE",
    "ParallelReductionFactorInPlane": 2,
    "PatientPosition": "HFS",
    "PhaseEncodingDirection": "j",
    "PhilipsRescaleIntercept": 0,
    "PhilipsRescaleSlope": 0.77656,
    "PhilipsScaleSlope": 0.0945794,
    "ProtocolName": "WIPpioprsSENSE",
    "PulseSequenceType": "gradient echo EPI",
    "ReconMatrixPE": 80,
    "RepetitionTime": 0.75,
    "SeriesDescription": "ImageMRSERIES",
    "SeriesNumber": 6,
    "SliceEncodingDirection": "k",
    "SliceTiming": [
      0.0,
      0.06755050505050506,
      0.1351010101010101,
      0.20265151515151517,
      0.2702020202020202,
      0.3377525252525253,
      0.40530303030303033,
      0.47285353535353536,
      0.5404040404040404,
      0.6079545454545455,
      0.6755050505050506,
      0.7430555555555556,
      0.0,
      0.06755050505050506,
      0.1351010101010101,
      0.20265151515151517,
      0.2702020202020202,
      0.3377525252525253,
      0.40530303030303033,
      0.47285353535353536,
      0.5404040404040404,
      0.6079545454545455,
      0.6755050505050506,
      0.7430555555555556,
      0.0,
      0.06755050505050506,
      0.1351010101010101,
      0.20265151515151517,
      0.2702020202020202,
      0.3377525252525253,
      0.40530303030303033,
      0.47285353535353536,
      0.5404040404040404,
      0.6079545454545455,
      0.6755050505050506,
      0.7430555555555556
    ],
    "TaskName": "restingstate",
    "TotalReadoutTime": 0.024699802401580786,
    "UsePhilipsFloatNotDisplayScaling": 1,
    "acq_id": "mb3",
    "dataset": "ds002785",
    "modality": "bold",
    "subject_id": "0191",
    "task_id": "restingstate"
  },
  "dummy_trs": 1,
  "dvars_nstd": 32.77464973968619,
  "dvars_std": 1.2022432899581592,
  "dvars_vstd": 1.0033717875313812,
  "efc": 0.4540244722519408,
  "fber": 127470.234375,
  "fd_mean": 0.08520760925968275,
  "fd_num": 16,
  "fd_perc": 3.3402922755741127,
  "fwhm_avg": 1.9813588490008696,
  "fwhm_x": 1.9582201556253558,
  "fwhm_y": 2.06602,
  "fwhm_z": 1.9198363913772525,
  "gcor": 0.0176161,
  "gsr_x": -0.008041721768677235,
  "gsr_y": 0.00928207952529192,
  "provenance": {
    "md5sum": "9c85c87bbedb17030df8abdf8ef5ba65",
    "settings": {
      "fd_thres": 0.2,
      "testing": false
    },
    "software": "mriqc",
    "version": "22.0.0rc1",
    "webapi_port": null,
    "webapi_url": "https://mriqc.nimh.nih.gov/api/v1"
  },
  "size_t": 479,
  "size_x": 80,
  "size_y": 80,
  "size_z": 36,
  "snr": 5.47471932071271,
  "spacing_tr": 0.75,
  "spacing_x": 2.999999761581421,
  "spacing_y": 3.0,
  "spacing_z": 3.299999952316284,
  "summary_bg_k": 36.444707551914995,
  "summary_bg_mad": 50.22819431025445,
  "summary_bg_mean": 452.677734375,
  "summary_bg_median": 44.71193313598633,
  "summary_bg_n": 150738.0,
  "summary_bg_p05": 2.2526839256286624,
  "summary_bg_p95": 2407.9545898437486,
  "summary_bg_stdv": 1264.42431640625,
  "summary_fg_k": 0.3443880991755317,
  "summary_fg_mad": 2867.7573657070925,
  "summary_fg_mean": 16401.6171875,
  "summary_fg_median": 16329.0439453125,
  "summary_fg_n": 38684.0,
  "summary_fg_p05": 11549.369580078124,
  "summary_fg_p95": 21394.605273437497,
  "summary_fg_stdv": 2982.588134765625,
  "tsnr": 42.388919830322266
}