{
  "bids_meta": {
    "AcquisitionNumber": 4,
    "BidsifyVersion": "0.3.5",
    "ConversionSoftware": "dcm2niix",
    "ConversionSoftwareVersion": "v1.0.20181125  GCC6.3.0",
    "EchoTime": 0.00375,
    "ImageComments": "piop",
    "ImageOrientationPatientDICOM": [
      0.999232,
      0.0360407,
      -0.0153947,
      -0.0368148,
      0.997896,
      -0.0533739
    ],
    "Manufacturer": "Philips",
    "PatientPosition": "HFS",
    "PhilipsRescaleIntercept": 0,
    "PhilipsRescaleSlope": 9.27326,
    "PhilipsScaleSlope": 0.00747576,
    "ProtocolName": "WIPt13dSENSE",
    "ReconMatrixPE": 240,
    "RepetitionTime": 0.008166,
    "SeriesDescription": "ImageMRSERIES",
    "SeriesNumber": 4,
    "UsePhilipsFloatNotDisplayScaling": 1,
    "dataset": "ds002785",
    "modality": "T1w",
    "subject_id": "0199"
  },
  "cjv": 0.34722837020614405,
  "cnr": 3.4996120643819877,
  "efc": 0.7493978478526109,
  "fber": 1065.85546875,
  "fwhm_avg": 3.4468099999999997,
  "fwhm_x": 3.39629,
  "fwhm_y": 3.69237,
  "fwhm_z": 3.25177,
  "icvs_csf": 0.24990358195665402,
  "icvs_gm": 0.37001625407998484,
  "icvs_wm": 0.38008016396336114,
  "inu_med": 0.5065337419509888,
  "inu_range": 0.16908535361289978,
  "provenance": {
    "md5sum": "4b05e84a633e317fed40cc720a00c07b",
    "settings": {
      "testing": false
    },
    "software": "mriqc",
    "version": "22.0.0rc1",
    "warnings": {
      "large_rot_frame": true,
      "small_air_mask": true
    },
    "webapi_port": null,
    "webapi_url": "https://mriqc.nimh.nih.gov/api/v1"
  },
  "qi_1": 0.0,
  "qi_2": 0.00017494612851501795,
  "rpve_csf": 28.250935782291513,
  "rpve_gm": 17.56429605315805,
  "rpve_wm": 23.989256757784574,
  "size_x": 240,
  "size_y": 240,
  "size_z": 220,
  "snr_csf": 3.6057945756024457,
  "snr_gm": 7.446800920228995,
  "snr_total": 10.586024952662266,
  "snr_wm": 20.705479362155355,
  "snrd_csf": 21.353699874415515,
  "snrd_gm": 37.85983575155374,
  "snrd_total": 39.198551216867095,
  "snrd_wm": 58.382118024632035,
  "spacing_x": 1.0,
  "spacing_y": 1.0,
  "spacing_z": 1.0,
  "summary_bg_k": 61.32415480409273,
  "summary_bg_mad": 11.221527407262428,
  "summary_bg_mean": 15.456955909729004,
  "summary_bg_median": 15.156682968139648,
  "summary_bg_n": 179884.0,
  "summary_bg_p05": 0.0,
  "summary_bg_p95": 37.99603500366211,
  "summary_bg_stdv": 13.18685245513916,
  "summary_csf_k": 0.7676720185874855,
  "summary_csf_mad": 84.5305419604738,
  "summary_csf_mean": 354.851806640625,
  "summary_csf_median": 365.75762939453125,
  "summary_csf_n": 3713.0,
  "summary_csf_p05": 153.38620300292968,
  "summary_csf_p95": 502.00275268554685,
  "summary_csf_stdv": 101.42240905761719,
  "summary_gm_k": 0.6137904254550608,
  "summary_gm_mad": 77.80422074435752,
  "summary_gm_mean": 652.3084716796875,
  "summary_gm_median": 648.4835815429688,
  "summary_gm_n": 11911.0,
  "summary_gm_p05": 515.6880187988281,
  "summary_gm_p95": 805.6266784667969,
  "summary_gm_stdv": 87.0785140991211,
  "summary_wm_k": 0.9032095677440877,
  "summary_wm_mad": 44.252337109729694,
  "summary_wm_mean": 997.9939575195312,
  "summary_wm_median": 1000.000244140625,
  "summary_wm_n": 180166.0,
  "summary_wm_p05": 915.4515228271484,
  "summary_wm_p95": 1072.6777038574219,
  "summary_wm_stdv": 48.29627227783203,
  "tpm_overlap_csf": 0.14143264293670654,
  "tpm_overlap_gm": 0.41025030612945557,
  "tpm_overlap_wm": 0.49304842948913574,
  "wm2max": 0.627814853829498
}