{
  "bids_meta": {
    "AcquisitionNumber": 4,
    "BidsifyVersion": "0.3.5",
    "ConversionSoftware": "dcm2niix",
    "ConversionSoftwareVersion": "v1.0.20181125  GCC6.3.0",
    "EchoTime": 0.00375,
    "ImageComments": "piop",
    "ImageOrientationPatientDICOM": [
      0.99832,
      0.0393019,
      0.0425849,
      -0.0371302,
      0.998026,
      -0.0506418
    ],
    "Manufacturer": "Philips",
    "PatientPosition": "HFS",
    "PhilipsRescaleIntercept": 0,
    "PhilipsRescaleSlope": 9.2967,
    "PhilipsScaleSlope": 0.00720269,
    "ProtocolName": "WIPt13dSENSE",
    "ReconMatrixPE": 240,
    "RepetitionTime": 0.00818,
    "SeriesDescription": "ImageMRSERIES",
    "SeriesNumber": 4,
    "UsePhilipsFloatNotDisplayScaling": 1,
    "dataset": "ds002785",
    "modality": "T1w",
    "subject_id": "0060"
  },
  "cjv": 0.2831797149753602,
  "cnr": 4.421308251324334,
  "efc": 0.7735265177213299,
  "fber": 661.7388916015625,
  "fwhm_avg": 3.4625299999999997,
  "fwhm_x": 3.41283,
  "fwhm_y": 3.64567,
  "fwhm_z": 3.32909,
  "icvs_csf": 0.1905306663640146,
  "icvs_gm": 0.4520518108601028,
  "icvs_wm": 0.35741752277588257,
  "inu_med": 1.8835043907165527,
  "inu_range": 0.47407844066619886,
  "provenance": {
    "md5sum": "e965694c16f33287de26c7601ee90981",
    "settings": {
      "testing": false
    },
    "software": "mriqc",
    "version": "22.0.0rc1",
    "warnings": {
      "large_rot_frame": true,
      "small_air_mask": true
    },
    "webapi_port": null,
    "webapi_url": "https://mriqc.nimh.nih.gov/api/v1"
  },
  "qi_1": 0.0,
  "qi_2": 0.0002017763446899558,
  "rpve_csf": 28.041578988474456,
  "rpve_gm": 13.376406515310808,
  "rpve_wm": 20.857787048073103,
  "size_x": 240,
  "size_y": 240,
  "size_z": 220,
  "snr_csf": 1.9544628495928407,
  "snr_gm": 6.995473806399137,
  "snr_total": 9.681979524400285,
  "snr_wm": 20.09600191720888,
  "snrd_csf": 20.106916722739076,
  "snrd_gm": 42.01870016664063,
  "snrd_total": 45.139446569818745,
  "snrd_wm": 73.29272282007655,
  "spacing_x": 1.0,
  "spacing_y": 1.0,
  "spacing_z": 1.0,
  "summary_bg_k": 80.52220197808164,
  "summary_bg_mad": 8.938440230491453,
  "summary_bg_mean": 12.442235946655273,
  "summary_bg_median": 12.005777359008789,
  "summary_bg_n": 118924.0,
  "summary_bg_p05": 0.0,
  "summary_bg_p95": 30.61031322479248,
  "summary_bg_stdv": 11.04624080657959,
  "summary_csf_k": 11.43175440893679,
  "summary_csf_mad": 158.79926225759203,
  "summary_csf_mean": 260.0632629394531,
  "summary_csf_median": 274.3313903808594,
  "summary_csf_n": 6379.0,
  "summary_csf_p05": 65.68837966918946,
  "summary_csf_p95": 440.44611206054685,
  "summary_csf_stdv": 140.35052490234375,
  "summary_gm_k": 0.4130078986420198,
  "summary_gm_mad": 76.06905854099784,
  "summary_gm_mean": 577.7136840820312,
  "summary_gm_median": 573.2877197265625,
  "summary_gm_n": 22443.0,
  "summary_gm_p05": 448.5908477783203,
  "summary_gm_p95": 722.1591369628906,
  "summary_gm_stdv": 81.94940948486328,
  "summary_wm_k": 1.1928405394570092,
  "summary_wm_mad": 44.76125769547649,
  "summary_wm_mean": 996.7481689453125,
  "summary_wm_median": 999.97900390625,
  "summary_wm_n": 192636.0,
  "summary_wm_p05": 909.6133270263672,
  "summary_wm_p95": 1071.0787963867188,
  "summary_wm_stdv": 49.75996780395508,
  "tpm_overlap_csf": 0.16293184459209442,
  "tpm_overlap_gm": 0.44565409421920776,
  "tpm_overlap_wm": 0.4856451749801636,
  "wm2max": 0.6914886648943973
}