{
  "aor": 0.002849925925925926,
  "aqi": 0.004829273037037038,
  "bids_meta": {
    "AcquisitionNumber": 5,
    "BidsifyVersion": "0.3.5",
    "ConversionSoftware": "dcm2niix",
    "ConversionSoftwareVersion": "v1.0.20181125  GCC6.3.0",
    "EchoTime": 0.02762,
    "EffectiveEchoSpacing": 0.0006621159151938905,
    "ImageComments": "piop",
    "ImageOrientationPatientDICOM": [
      0.997723,
      -0.0432322,
      0.0517657,
      0.0479241,
      0.994501,
      -0.0931219
    ],
    "Manufacturer": "Philips",
    "NumberOfVolumesDiscardedByScanner": 2,
    "ParallelAcquisitionTechnique": "SENSE",
    "ParallelReductionFactorInPlane": 2,
    "PatientPosition": "HFS",
    "PhaseEncodingDirection": "j",
    "PhilipsRescaleIntercept": 0,
    "PhilipsRescaleSlope": 0.75458,
    "PhilipsScaleSlope": 0.057138,
    "ProtocolName": "WIPpiopharririSENSE",
    "PulseSequenceType": "gradient echo EPI",
    "ReconMatrixPE": 80,
    "RepetitionTime": 2,
    "SeriesDescription": "ImageMRSERIES",
    "SeriesNumber": 5,
    "SliceEncodingDirection": "k",
    "SliceTiming": [
      0.0,
      0.0541,
      0.1081,
      0.1622,
      0.2162,
      0.2703,
      0.3243,
      0.3784,
      0.4324,
      0.4865,
      0.5405,
      0.5946,
      0.6486,
      0.7027,
      0.7568,
      0.8108,
      0.8649,
      0.9189,
      0.973,
      1.027,
      1.0811,
      1.1351,
      1.1892,
      1.2432,
      1.2973,
      1.3514,
      1.4054,
      1.4595,
      1.5135,
      1.5676,
      1.6216,
      1.6757,
      1.7297,
      1.7838,
      1.8378,
      1.8919,
      1.9459
    ],
    "TaskName": "emomatching",
    "TotalReadoutTime": 0.025822520692561732,
    "UsePhilipsFloatNotDisplayScaling": 1,
    "acq_id": "seq",
    "dataset": "ds002785",
    "modality": "bold",
    "subject_id": "0141",
    "task_id": "emomatching"
  },
  "dummy_trs": 0,
  "dvars_nstd": 24.005914303731345,
  "dvars_std": 1.355350539552238,
  "dvars_vstd": 1.0193484255223881,
  "efc": 0.4531587651426569,
  "fber": 147662.828125,
  "fd_mean": 0.12010600996381138,
  "fd_num": 8,
  "fd_perc": 5.925925925925926,
  "fwhm_avg": 1.8438457658985439,
  "fwhm_x": 1.8021099999999999,
  "fwhm_y": 2.001466666666667,
  "fwhm_z": 1.7279606310289648,
  "gcor": 0.0274824,
  "gsr_x": -0.00660767313092947,
  "gsr_y": 0.014961984008550644,
  "provenance": {
    "md5sum": "d662adea0e33778b52af6142c5b66d58",
    "settings": {
      "fd_thres": 0.2,
      "testing": false
    },
    "software": "mriqc",
    "version": "22.0.0rc1",
    "webapi_port": null,
    "webapi_url": "https://mriqc.nimh.nih.gov/api/v1"
  },
  "size_t": 135,
  "size_x": 80,
  "size_y": 80,
  "size_z": 37,
  "snr": 5.62106496585402,
  "spacing_tr": 2.0,
  "spacing_x": 3.0,
  "spacing_y": 3.0,
  "spacing_z": 3.299999952316284,
  "summary_bg_k": 44.729924893516255,
  "summary_bg_mad": 72.37831819891201,
  "summary_bg_mean": 806.6362915039062,
  "summary_bg_median": 70.08330535888672,
  "summary_bg_n": 155175.0,
  "summary_bg_p05": 7.229902315139772,
  "summary_bg_p95": 4595.25327148437,
  "summary_bg_stdv": 2339.83447265625,
  "summary_fg_k": 1.168179824789057,
  "summary_fg_mad": 4636.401186550109,
  "summary_fg_mean": 27923.75,
  "summary_fg_median": 27603.85546875,
  "summary_fg_n": 39670.0,
  "summary_fg_p05": 20381.5181640625,
  "summary_fg_p95": 35970.42265624999,
  "summary_fg_stdv": 4910.7255859375,
  "tsnr": 79.28485870361328
}