{
  "aor": 0.0004935757575757577,
  "aqi": 0.008008097606060607,
  "bids_meta": {
    "AcquisitionNumber": 2,
    "BidsifyVersion": "0.3.5",
    "ConversionSoftware": "dcm2niix",
    "ConversionSoftwareVersion": "v1.0.20181125  GCC6.3.0",
    "EchoTime": 0.02762,
    "EffectiveEchoSpacing": 0.0006333282667071997,
    "ImageComments": "piop",
    "ImageOrientationPatientDICOM": [
      0.997723,
      -0.0432322,
      0.0517657,
      0.0479241,
      0.994501,
      -0.0931219
    ],
    "Manufacturer": "Philips",
    "NumberOfVolumesDiscardedByScanner": 2,
    "ParallelAcquisitionTechnique": "SENSE",
    "ParallelReductionFactorInPlane": 2,
    "PatientPosition": "HFS",
    "PhaseEncodingDirection": "j",
    "PhilipsRescaleIntercept": 0,
    "PhilipsRescaleSlope": 0.74652,
    "PhilipsScaleSlope": 0.0851009,
    "ProtocolName": "WIPpiopfacesSENSE",
    "PulseSequenceType": "gradient echo EPI",
    "ReconMatrixPE": 80,
    "RepetitionTime": 0.75,
    "SeriesDescription": "ImageMRSERIES",
    "SeriesNumber": 2,
    "SliceEncodingDirection": "k",
    "SliceTiming": [
      0.0,
      0.06755050505050506,
      0.1351010101010101,
      0.20265151515151517,
      0.2702020202020202,
      0.3377525252525253,
      0.40530303030303033,
      0.47285353535353536,
      0.5404040404040404,
      0.6079545454545455,
      0.6755050505050506,
      0.7430555555555556,
      0.0,
      0.06755050505050506,
      0.1351010101010101,
      0.20265151515151517,
      0.2702020202020202,
      0.3377525252525253,
      0.40530303030303033,
      0.47285353535353536,
      0.5404040404040404,
      0.6079545454545455,
      0.6755050505050506,
      0.7430555555555556,
      0.0,
      0.06755050505050506,
      0.1351010101010101,
      0.20265151515151517,
      0.2702020202020202,
      0.3377525252525253,
      0.40530303030303033,
      0.47285353535353536,
      0.5404040404040404,
      0.6079545454545455,
      0.6755050505050506,
      0.7430555555555556
    ],
    "TaskName": "faces",
    "TotalReadoutTime": 0.024699802401580786,
    "UsePhilipsFloatNotDisplayScaling": 1,
    "acq_id": "mb3",
    "dataset": "ds002785",
    "modality": "bold",
    "subject_id": "0141",
    "task_id": "faces"
  },
  "dummy_trs": 0,
  "dvars_nstd": 22.727305061489353,
  "dvars_std": 1.137154644255319,
  "dvars_vstd": 0.9864358803951365,
  "efc": 0.4603951261789763,
  "fber": 141780.78125,
  "fd_mean": 0.11166724742297233,
  "fd_num": 23,
  "fd_perc": 6.96969696969697,
  "fwhm_avg": 2.1103894484197734,
  "fwhm_x": 2.1481966666666668,
  "fwhm_y": 2.2977866666666666,
  "fwhm_z": 1.8851850119259874,
  "gcor": 0.0445843,
  "gsr_x": -0.00883011519908905,
  "gsr_y": 0.012576259672641754,
  "provenance": {
    "md5sum": "4f214e2cad2093bdd0f47af75edde4c9",
    "settings": {
      "fd_thres": 0.2,
      "testing": false
    },
    "software": "mriqc",
    "version": "22.0.0rc1",
    "webapi_port": null,
    "webapi_url": "https://mriqc.nimh.nih.gov/api/v1"
  },
  "size_t": 330,
  "size_x": 80,
  "size_y": 80,
  "size_z": 36,
  "snr": 6.458675124020008,
  "spacing_tr": 0.75,
  "spacing_x": 3.0,
  "spacing_y": 3.0,
  "spacing_z": 3.299999713897705,
  "summary_bg_k": 34.363109196300904,
  "summary_bg_mad": 56.991265419141776,
  "summary_bg_mean": 596.7100830078125,
  "summary_bg_median": 52.77098083496094,
  "summary_bg_n": 150333.0,
  "summary_bg_p05": 5.891391563415527,
  "summary_bg_p95": 3257.4221191406236,
  "summary_bg_stdv": 1593.3695068359375,
  "summary_fg_k": 0.8345998308369644,
  "summary_fg_mad": 2996.51716960849,
  "summary_fg_mean": 20201.259765625,
  "summary_fg_median": 20236.30078125,
  "summary_fg_n": 38786.0,
  "summary_fg_p05": 15050.763427734375,
  "summary_fg_p95": 25192.41162109375,
  "summary_fg_stdv": 3133.156494140625,
  "tsnr": 61.099327087402344
}