{
  "aor": 0.00612273469387755,
  "aqi": 0.01088235542857143,
  "bids_meta": {
    "AcquisitionNumber": 3,
    "BidsifyVersion": "0.3.5",
    "ConversionSoftware": "dcm2niix",
    "ConversionSoftwareVersion": "v1.0.20181125  GCC6.3.0",
    "EchoTime": 0.02762,
    "EffectiveEchoSpacing": 0.0006621159151938905,
    "ImageComments": "piop",
    "ImageOrientationPatientDICOM": [
      0.997723,
      -0.0432322,
      0.0517657,
      0.0479241,
      0.994501,
      -0.0931219
    ],
    "Manufacturer": "Philips",
    "NumberOfVolumesDiscardedByScanner": 2,
    "ParallelAcquisitionTechnique": "SENSE",
    "ParallelReductionFactorInPlane": 2,
    "PatientPosition": "HFS",
    "PhaseEncodingDirection": "j",
    "PhilipsRescaleIntercept": 0,
    "PhilipsRescaleSlope": 0.78144,
    "PhilipsScaleSlope": 0.0544457,
    "ProtocolName": "WIPpiopgstroopSENSE",
    "PulseSequenceType": "gradient echo EPI",
    "ReconMatrixPE": 80,
    "RepetitionTime": 2,
    "SeriesDescription": "ImageMRSERIES",
    "SeriesNumber": 3,
    "SliceEncodingDirection": "k",
    "SliceTiming": [
      0.0,
      0.0541,
      0.1081,
      0.1622,
      0.2162,
      0.2703,
      0.3243,
      0.3784,
      0.4324,
      0.4865,
      0.5405,
      0.5946,
      0.6486,
      0.7027,
      0.7568,
      0.8108,
      0.8649,
      0.9189,
      0.973,
      1.027,
      1.0811,
      1.1351,
      1.1892,
      1.2432,
      1.2973,
      1.3514,
      1.4054,
      1.4595,
      1.5135,
      1.5676,
      1.6216,
      1.6757,
      1.7297,
      1.7838,
      1.8378,
      1.8919,
      1.9459
    ],
    "TaskName": "gstroop",
    "TotalReadoutTime": 0.025822520692561732,
    "UsePhilipsFloatNotDisplayScaling": 1,
    "acq_id": "seq",
    "dataset": "ds002785",
    "modality": "bold",
    "subject_id": "0141",
    "task_id": "gstroop"
  },
  "dummy_trs": 0,
  "dvars_nstd": 22.55529930561476,
  "dvars_std": 1.2657685214344256,
  "dvars_vstd": 1.0039934676229512,
  "efc": 0.4533032973185598,
  "fber": 141156.53125,
  "fd_mean": 0.1347277578528531,
  "fd_num": 34,
  "fd_perc": 13.877551020408163,
  "fwhm_avg": 1.8020545534098444,
  "fwhm_x": 1.7860766666666665,
  "fwhm_y": 1.9684233333333332,
  "fwhm_z": 1.6516636602295336,
  "gcor": 0.0126822,
  "gsr_x": -0.006834389641880989,
  "gsr_y": 0.01441763062030077,
  "provenance": {
    "md5sum": "f13ee9bd35f65e18d6ae85f482a6c119",
    "settings": {
      "fd_thres": 0.2,
      "testing": false
    },
    "software": "mriqc",
    "version": "22.0.0rc1",
    "webapi_port": null,
    "webapi_url": "https://mriqc.nimh.nih.gov/api/v1"
  },
  "size_t": 245,
  "size_x": 80,
  "size_y": 80,
  "size_z": 37,
  "snr": 5.657601479958836,
  "spacing_tr": 2.0,
  "spacing_x": 3.0,
  "spacing_y": 3.0,
  "spacing_z": 3.299999952316284,
  "summary_bg_k": 49.411450997215404,
  "summary_bg_mad": 79.10817704201071,
  "summary_bg_mean": 814.6512451171875,
  "summary_bg_median": 72.53419494628906,
  "summary_bg_n": 155160.0,
  "summary_bg_p05": 7.297949934005738,
  "summary_bg_p95": 4544.051440429683,
  "summary_bg_stdv": 2377.87646484375,
  "summary_fg_k": 1.5763666105309415,
  "summary_fg_mad": 4591.467046070304,
  "summary_fg_mean": 28253.060546875,
  "summary_fg_median": 27878.150390625,
  "summary_fg_n": 39572.0,
  "summary_fg_p05": 20834.99931640625,
  "summary_fg_p95": 36319.9177734375,
  "summary_fg_stdv": 4927.494140625,
  "tsnr": 59.32183837890625
}