{
  "aor": 0.0018993958333333334,
  "aqi": 0.0096085999375,
  "bids_meta": {
    "AcquisitionNumber": 6,
    "BidsifyVersion": "0.3.5",
    "ConversionSoftware": "dcm2niix",
    "ConversionSoftwareVersion": "v1.0.20181125  GCC6.3.0",
    "EchoTime": 0.02762,
    "EffectiveEchoSpacing": 0.0006333282667071997,
    "ImageComments": "piop",
    "ImageOrientationPatientDICOM": [
      0.997723,
      -0.0432322,
      0.0517657,
      0.0479241,
      0.994501,
      -0.0931219
    ],
    "Manufacturer": "Philips",
    "NumberOfVolumesDiscardedByScanner": 2,
    "ParallelAcquisitionTechnique": "SENSE",
    "ParallelReductionFactorInPlane": 2,
    "PatientPosition": "HFS",
    "PhaseEncodingDirection": "j",
    "PhilipsRescaleIntercept": 0,
    "PhilipsRescaleSlope": 0.76557,
    "PhilipsScaleSlope": 0.0792487,
    "ProtocolName": "WIPpioprsSENSE",
    "PulseSequenceType": "gradient echo EPI",
    "ReconMatrixPE": 80,
    "RepetitionTime": 0.75,
    "SeriesDescription": "ImageMRSERIES",
    "SeriesNumber": 6,
    "SliceEncodingDirection": "k",
    "SliceTiming": [
      0.0,
      0.06755050505050506,
      0.1351010101010101,
      0.20265151515151517,
      0.2702020202020202,
      0.3377525252525253,
      0.40530303030303033,
      0.47285353535353536,
      0.5404040404040404,
      0.6079545454545455,
      0.6755050505050506,
      0.7430555555555556,
      0.0,
      0.06755050505050506,
      0.1351010101010101,
      0.20265151515151517,
      0.2702020202020202,
      0.3377525252525253,
      0.40530303030303033,
      0.47285353535353536,
      0.5404040404040404,
      0.6079545454545455,
      0.6755050505050506,
      0.7430555555555556,
      0.0,
      0.06755050505050506,
      0.1351010101010101,
      0.20265151515151517,
      0.2702020202020202,
      0.3377525252525253,
      0.40530303030303033,
      0.47285353535353536,
      0.5404040404040404,
      0.6079545454545455,
      0.6755050505050506,
      0.7430555555555556
    ],
    "TaskName": "restingstate",
    "TotalReadoutTime": 0.024699802401580786,
    "UsePhilipsFloatNotDisplayScaling": 1,
    "acq_id": "mb3",
    "dataset": "ds002785",
    "modality": "bold",
    "subject_id": "0141",
    "task_id": "restingstate"
  },
  "dummy_trs": 0,
  "dvars_nstd": 25.214687789269316,
  "dvars_std": 1.1443683632776611,
  "dvars_vstd": 1.021970933382046,
  "efc": 0.45912466975686766,
  "fber": 129931.640625,
  "fd_mean": 0.09284854130232631,
  "fd_num": 10,
  "fd_perc": 2.0833333333333335,
  "fwhm_avg": 1.9064927357890946,
  "fwhm_x": 1.8850833333333332,
  "fwhm_y": 2.0662433333333334,
  "fwhm_z": 1.768151540700617,
  "gcor": 0.0146225,
  "gsr_x": -0.007520305924117565,
  "gsr_y": 0.011637742631137371,
  "provenance": {
    "md5sum": "b66cb21871e23c82050522798ca2c9de",
    "settings": {
      "fd_thres": 0.2,
      "testing": false
    },
    "software": "mriqc",
    "version": "22.0.0rc1",
    "webapi_port": null,
    "webapi_url": "https://mriqc.nimh.nih.gov/api/v1"
  },
  "size_t": 480,
  "size_x": 80,
  "size_y": 80,
  "size_z": 36,
  "snr": 6.4715924381461,
  "spacing_tr": 0.75,
  "spacing_x": 3.0,
  "spacing_y": 3.0,
  "spacing_z": 3.299999952316284,
  "summary_bg_k": 32.81488667734329,
  "summary_bg_mad": 63.158942029965424,
  "summary_bg_mean": 611.26416015625,
  "summary_bg_median": 54.27243423461914,
  "summary_bg_n": 150502.0,
  "summary_bg_p05": 4.242097640037537,
  "summary_bg_p95": 3477.447888183576,
  "summary_bg_stdv": 1663.1973876953125,
  "summary_fg_k": 1.0167257760099337,
  "summary_fg_mad": 2959.689562157407,
  "summary_fg_mean": 20018.005859375,
  "summary_fg_median": 20051.98046875,
  "summary_fg_n": 38554.0,
  "summary_fg_p05": 14968.70595703125,
  "summary_fg_p95": 24933.91201171875,
  "summary_fg_stdv": 3098.42138671875,
  "tsnr": 53.2804069519043
}