{
  "aor": 0.00128205,
  "aqi": 0.0041227248,
  "bids_meta": {
    "AcquisitionNumber": 9,
    "BidsifyVersion": "0.3.5",
    "ConversionSoftware": "dcm2niix",
    "ConversionSoftwareVersion": "v1.0.20181125  GCC6.3.0",
    "EchoTime": 0.02762,
    "EffectiveEchoSpacing": 0.0006621159151938905,
    "ImageComments": "piop",
    "ImageOrientationPatientDICOM": [
      0.999605,
      0.00438513,
      0.0277567,
      -0.000523392,
      0.990483,
      -0.137632
    ],
    "Manufacturer": "Philips",
    "NumberOfVolumesDiscardedByScanner": 2,
    "ParallelAcquisitionTechnique": "SENSE",
    "ParallelReductionFactorInPlane": 2,
    "PatientPosition": "HFS",
    "PhaseEncodingDirection": "j",
    "PhilipsRescaleIntercept": 0,
    "PhilipsRescaleSlope": 0.76777,
    "PhilipsScaleSlope": 0.0601545,
    "ProtocolName": "WIPpiopanticipatieSENSE",
    "PulseSequenceType": "gradient echo EPI",
    "ReconMatrixPE": 80,
    "RepetitionTime": 2,
    "SeriesDescription": "ImageMRSERIES",
    "SeriesNumber": 9,
    "SliceEncodingDirection": "k",
    "SliceTiming": [
      0.0,
      0.0541,
      0.1081,
      0.1622,
      0.2162,
      0.2703,
      0.3243,
      0.3784,
      0.4324,
      0.4865,
      0.5405,
      0.5946,
      0.6486,
      0.7027,
      0.7568,
      0.8108,
      0.8649,
      0.9189,
      0.973,
      1.027,
      1.0811,
      1.1351,
      1.1892,
      1.2432,
      1.2973,
      1.3514,
      1.4054,
      1.4595,
      1.5135,
      1.5676,
      1.6216,
      1.6757,
      1.7297,
      1.7838,
      1.8378,
      1.8919,
      1.9459
    ],
    "TaskName": "anticipation",
    "TotalReadoutTime": 0.025822520692561732,
    "UsePhilipsFloatNotDisplayScaling": 1,
    "acq_id": "seq",
    "dataset": "ds002785",
    "modality": "bold",
    "subject_id": "0178",
    "task_id": "anticipation"
  },
  "dummy_trs": 0,
  "dvars_nstd": 27.944844912010062,
  "dvars_std": 1.29069653517588,
  "dvars_vstd": 0.9976928401005025,
  "efc": 0.41496590454390897,
  "fber": 172631.890625,
  "fd_mean": 0.1583291046073296,
  "fd_num": 33,
  "fd_perc": 16.5,
  "fwhm_avg": 1.791093341765163,
  "fwhm_x": 1.7603433333333334,
  "fwhm_y": 1.8623366666666668,
  "fwhm_z": 1.7506000252954892,
  "gcor": 0.0230863,
  "gsr_x": -0.018166333436965942,
  "gsr_y": 0.01388533040881157,
  "provenance": {
    "md5sum": "de5f275e69da38589d259ef9b6ecbe82",
    "settings": {
      "fd_thres": 0.2,
      "testing": false
    },
    "software": "mriqc",
    "version": "22.0.0rc1",
    "webapi_port": null,
    "webapi_url": "https://mriqc.nimh.nih.gov/api/v1"
  },
  "size_t": 200,
  "size_x": 80,
  "size_y": 80,
  "size_z": 37,
  "snr": 4.678916789095148,
  "spacing_tr": 2.0,
  "spacing_x": 3.0,
  "spacing_y": 3.0,
  "spacing_z": 3.299999952316284,
  "summary_bg_k": 165.61080781198183,
  "summary_bg_mad": 58.09204994556813,
  "summary_bg_mean": 433.0924377441406,
  "summary_bg_median": 54.00370788574219,
  "summary_bg_n": 160461.0,
  "summary_bg_p05": 2.0120320320129395,
  "summary_bg_p95": 2153.625244140625,
  "summary_bg_stdv": 1441.6473388671875,
  "summary_fg_k": 2.0436135012458045,
  "summary_fg_mad": 4273.220109311668,
  "summary_fg_mean": 23874.50390625,
  "summary_fg_median": 23028.32421875,
  "summary_fg_n": 35710.0,
  "summary_fg_p05": 17620.46181640625,
  "summary_fg_p95": 32847.046874999956,
  "summary_fg_stdv": 4921.65234375,
  "tsnr": 83.46015930175781
}