{
  "aor": 0.00032128048780487805,
  "aqi": 0.00881246131097561,
  "bids_meta": {
    "AcquisitionNumber": 2,
    "BidsifyVersion": "0.3.5",
    "ConversionSoftware": "dcm2niix",
    "ConversionSoftwareVersion": "v1.0.20181125  GCC6.3.0",
    "EchoTime": 0.02762,
    "EffectiveEchoSpacing": 0.0006333282667071997,
    "ImageComments": "piop",
    "ImageOrientationPatientDICOM": [
      0.999605,
      0.00438513,
      0.0277567,
      -0.000523392,
      0.990483,
      -0.137632
    ],
    "Manufacturer": "Philips",
    "NumberOfVolumesDiscardedByScanner": 2,
    "ParallelAcquisitionTechnique": "SENSE",
    "ParallelReductionFactorInPlane": 2,
    "PatientPosition": "HFS",
    "PhaseEncodingDirection": "j",
    "PhilipsRescaleIntercept": 0,
    "PhilipsRescaleSlope": 0.77973,
    "PhilipsScaleSlope": 0.0856128,
    "ProtocolName": "WIPpiopfacesSENSE",
    "PulseSequenceType": "gradient echo EPI",
    "ReconMatrixPE": 80,
    "RepetitionTime": 0.75,
    "SeriesDescription": "ImageMRSERIES",
    "SeriesNumber": 2,
    "SliceEncodingDirection": "k",
    "SliceTiming": [
      0.0,
      0.06755050505050506,
      0.1351010101010101,
      0.20265151515151517,
      0.2702020202020202,
      0.3377525252525253,
      0.40530303030303033,
      0.47285353535353536,
      0.5404040404040404,
      0.6079545454545455,
      0.6755050505050506,
      0.7430555555555556,
      0.0,
      0.06755050505050506,
      0.1351010101010101,
      0.20265151515151517,
      0.2702020202020202,
      0.3377525252525253,
      0.40530303030303033,
      0.47285353535353536,
      0.5404040404040404,
      0.6079545454545455,
      0.6755050505050506,
      0.7430555555555556,
      0.0,
      0.06755050505050506,
      0.1351010101010101,
      0.20265151515151517,
      0.2702020202020202,
      0.3377525252525253,
      0.40530303030303033,
      0.47285353535353536,
      0.5404040404040404,
      0.6079545454545455,
      0.6755050505050506,
      0.7430555555555556
    ],
    "TaskName": "faces",
    "TotalReadoutTime": 0.024699802401580786,
    "UsePhilipsFloatNotDisplayScaling": 1,
    "acq_id": "mb3",
    "dataset": "ds002785",
    "modality": "bold",
    "subject_id": "0178",
    "task_id": "faces"
  },
  "dummy_trs": 2,
  "dvars_nstd": 26.43118475119265,
  "dvars_std": 1.1329945325688071,
  "dvars_vstd": 0.9867569826299698,
  "efc": 0.423782443877083,
  "fber": 170720.640625,
  "fd_mean": 0.1452758314316706,
  "fd_num": 78,
  "fd_perc": 23.78048780487805,
  "fwhm_avg": 2.0209004591306448,
  "fwhm_x": 2.0085466666666667,
  "fwhm_y": 2.147866666666667,
  "fwhm_z": 1.9062880440586012,
  "gcor": 0.0208561,
  "gsr_x": -0.02086513303220272,
  "gsr_y": 0.011375878937542439,
  "provenance": {
    "md5sum": "599648831f8054711d959c55d3ac427c",
    "settings": {
      "fd_thres": 0.2,
      "testing": false
    },
    "software": "mriqc",
    "version": "22.0.0rc1",
    "webapi_port": null,
    "webapi_url": "https://mriqc.nimh.nih.gov/api/v1"
  },
  "size_t": 328,
  "size_x": 80,
  "size_y": 80,
  "size_z": 36,
  "snr": 6.435824807817708,
  "spacing_tr": 0.75,
  "spacing_x": 3.0,
  "spacing_y": 3.0,
  "spacing_z": 3.299999713897705,
  "summary_bg_k": 103.51358552690851,
  "summary_bg_mad": 48.85797749570423,
  "summary_bg_mean": 341.66107177734375,
  "summary_bg_median": 43.16862106323242,
  "summary_bg_n": 155604.0,
  "summary_bg_p05": 1.6626841962337495,
  "summary_bg_p95": 1655.4336364746096,
  "summary_bg_stdv": 1012.31640625,
  "summary_fg_k": 0.8595516892154507,
  "summary_fg_mad": 2587.068478605825,
  "summary_fg_mean": 18177.552734375,
  "summary_fg_median": 18023.00390625,
  "summary_fg_n": 34792.0,
  "summary_fg_p05": 13882.054443359375,
  "summary_fg_p95": 23006.277050781242,
  "summary_fg_stdv": 2800.37841796875,
  "tsnr": 58.96067810058594
}