{
  "aor": 0.001348326530612245,
  "aqi": 0.006118762367346938,
  "bids_meta": {
    "AcquisitionNumber": 3,
    "BidsifyVersion": "0.3.5",
    "ConversionSoftware": "dcm2niix",
    "ConversionSoftwareVersion": "v1.0.20181125  GCC6.3.0",
    "EchoTime": 0.02762,
    "EffectiveEchoSpacing": 0.0006621159151938905,
    "ImageComments": "piop",
    "ImageOrientationPatientDICOM": [
      0.999605,
      0.00438513,
      0.0277567,
      -0.000523392,
      0.990483,
      -0.137632
    ],
    "Manufacturer": "Philips",
    "NumberOfVolumesDiscardedByScanner": 2,
    "ParallelAcquisitionTechnique": "SENSE",
    "ParallelReductionFactorInPlane": 2,
    "PatientPosition": "HFS",
    "PhaseEncodingDirection": "j",
    "PhilipsRescaleIntercept": 0,
    "PhilipsRescaleSlope": 0.78315,
    "PhilipsScaleSlope": 0.0560989,
    "ProtocolName": "WIPpiopgstroopSENSE",
    "PulseSequenceType": "gradient echo EPI",
    "ReconMatrixPE": 80,
    "RepetitionTime": 2,
    "SeriesDescription": "ImageMRSERIES",
    "SeriesNumber": 3,
    "SliceEncodingDirection": "k",
    "SliceTiming": [
      0.0,
      0.0541,
      0.1081,
      0.1622,
      0.2162,
      0.2703,
      0.3243,
      0.3784,
      0.4324,
      0.4865,
      0.5405,
      0.5946,
      0.6486,
      0.7027,
      0.7568,
      0.8108,
      0.8649,
      0.9189,
      0.973,
      1.027,
      1.0811,
      1.1351,
      1.1892,
      1.2432,
      1.2973,
      1.3514,
      1.4054,
      1.4595,
      1.5135,
      1.5676,
      1.6216,
      1.6757,
      1.7297,
      1.7838,
      1.8378,
      1.8919,
      1.9459
    ],
    "TaskName": "gstroop",
    "TotalReadoutTime": 0.025822520692561732,
    "UsePhilipsFloatNotDisplayScaling": 1,
    "acq_id": "seq",
    "dataset": "ds002785",
    "modality": "bold",
    "subject_id": "0178",
    "task_id": "gstroop"
  },
  "dummy_trs": 0,
  "dvars_nstd": 26.569631404754098,
  "dvars_std": 1.3257172984836052,
  "dvars_vstd": 0.9767430589344259,
  "efc": 0.41365789848748413,
  "fber": 175933.375,
  "fd_mean": 0.10665280481704274,
  "fd_num": 1,
  "fd_perc": 0.40816326530612246,
  "fwhm_avg": 1.8110352610430207,
  "fwhm_x": 1.7786799999999998,
  "fwhm_y": 1.8859833333333331,
  "fwhm_z": 1.7684424497957296,
  "gcor": 0.0149211,
  "gsr_x": -0.017863325774669647,
  "gsr_y": 0.013254311867058277,
  "provenance": {
    "md5sum": "82e9a20e37f19d7a8136c17c6653bd08",
    "settings": {
      "fd_thres": 0.2,
      "testing": false
    },
    "software": "mriqc",
    "version": "22.0.0rc1",
    "webapi_port": null,
    "webapi_url": "https://mriqc.nimh.nih.gov/api/v1"
  },
  "size_t": 245,
  "size_x": 80,
  "size_y": 80,
  "size_z": 37,
  "snr": 4.619141606299627,
  "spacing_tr": 2.0,
  "spacing_x": 3.0,
  "spacing_y": 3.0,
  "spacing_z": 3.299999952316284,
  "summary_bg_k": 159.87480768918732,
  "summary_bg_mad": 59.94334585389452,
  "summary_bg_mean": 430.55377197265625,
  "summary_bg_median": 55.010215759277344,
  "summary_bg_n": 160450.0,
  "summary_bg_p05": 3.087311065196991,
  "summary_bg_p95": 2085.345214843746,
  "summary_bg_stdv": 1463.413330078125,
  "summary_fg_k": 2.0882341545869876,
  "summary_fg_mad": 4442.846308641219,
  "summary_fg_mean": 24535.578125,
  "summary_fg_median": 23664.525390625,
  "summary_fg_n": 35705.0,
  "summary_fg_p05": 18000.543359375,
  "summary_fg_p95": 33954.80703124998,
  "summary_fg_stdv": 5123.07177734375,
  "tsnr": 73.39036560058594
}