{
  "aor": 0.0009706666666666666,
  "aqi": 0.0040703579259259255,
  "bids_meta": {
    "AcquisitionNumber": 5,
    "BidsifyVersion": "0.3.5",
    "ConversionSoftware": "dcm2niix",
    "ConversionSoftwareVersion": "v1.0.20181125  GCC6.3.0",
    "EchoTime": 0.02762,
    "EffectiveEchoSpacing": 0.0006621159151938905,
    "ImageComments": "piop",
    "ImageOrientationPatientDICOM": [
      0.999605,
      0.00438513,
      0.0277567,
      -0.000523392,
      0.990483,
      -0.137632
    ],
    "Manufacturer": "Philips",
    "NumberOfVolumesDiscardedByScanner": 2,
    "ParallelAcquisitionTechnique": "SENSE",
    "ParallelReductionFactorInPlane": 2,
    "PatientPosition": "HFS",
    "PhaseEncodingDirection": "j",
    "PhilipsRescaleIntercept": 0,
    "PhilipsRescaleSlope": 0.75311,
    "PhilipsScaleSlope": 0.0595622,
    "ProtocolName": "WIPpiopharririSENSE",
    "PulseSequenceType": "gradient echo EPI",
    "ReconMatrixPE": 80,
    "RepetitionTime": 2,
    "SeriesDescription": "ImageMRSERIES",
    "SeriesNumber": 5,
    "SliceEncodingDirection": "k",
    "SliceTiming": [
      0.0,
      0.0541,
      0.1081,
      0.1622,
      0.2162,
      0.2703,
      0.3243,
      0.3784,
      0.4324,
      0.4865,
      0.5405,
      0.5946,
      0.6486,
      0.7027,
      0.7568,
      0.8108,
      0.8649,
      0.9189,
      0.973,
      1.027,
      1.0811,
      1.1351,
      1.1892,
      1.2432,
      1.2973,
      1.3514,
      1.4054,
      1.4595,
      1.5135,
      1.5676,
      1.6216,
      1.6757,
      1.7297,
      1.7838,
      1.8378,
      1.8919,
      1.9459
    ],
    "TaskName": "emomatching",
    "TotalReadoutTime": 0.025822520692561732,
    "UsePhilipsFloatNotDisplayScaling": 1,
    "acq_id": "seq",
    "dataset": "ds002785",
    "modality": "bold",
    "subject_id": "0178",
    "task_id": "emomatching"
  },
  "dummy_trs": 0,
  "dvars_nstd": 24.44110205664178,
  "dvars_std": 1.304058058208955,
  "dvars_vstd": 0.989689282537314,
  "efc": 0.4147980607267314,
  "fber": 173073.9375,
  "fd_mean": 0.1081419253117533,
  "fd_num": 1,
  "fd_perc": 0.7407407407407407,
  "fwhm_avg": 1.8019378872538914,
  "fwhm_x": 1.7691299999999999,
  "fwhm_y": 1.8789866666666668,
  "fwhm_z": 1.7576969950950072,
  "gcor": 0.0196491,
  "gsr_x": -0.017997872084379196,
  "gsr_y": 0.013297065161168575,
  "provenance": {
    "md5sum": "647eef7932db102e7ce8166d65e889c0",
    "settings": {
      "fd_thres": 0.2,
      "testing": false
    },
    "software": "mriqc",
    "version": "22.0.0rc1",
    "webapi_port": null,
    "webapi_url": "https://mriqc.nimh.nih.gov/api/v1"
  },
  "size_t": 135,
  "size_x": 80,
  "size_y": 80,
  "size_z": 37,
  "snr": 4.688103307992321,
  "spacing_tr": 2.0,
  "spacing_x": 3.0,
  "spacing_y": 3.0,
  "spacing_z": 3.299999952316284,
  "summary_bg_k": 152.66875060775428,
  "summary_bg_mad": 58.38429017168287,
  "summary_bg_mean": 428.8860778808594,
  "summary_bg_median": 54.072532653808594,
  "summary_bg_n": 160341.0,
  "summary_bg_p05": 2.2353994846343994,
  "summary_bg_p95": 2109.463134765625,
  "summary_bg_stdv": 1433.2188720703125,
  "summary_fg_k": 1.9877499555703695,
  "summary_fg_mad": 4299.288715702482,
  "summary_fg_mean": 23980.083984375,
  "summary_fg_median": 23147.037109375,
  "summary_fg_n": 35761.0,
  "summary_fg_p05": 17623.611328125,
  "summary_fg_p95": 33030.3828125,
  "summary_fg_stdv": 4937.330078125,
  "tsnr": 81.61137390136719
}