{
  "bids_meta": {
    "AcquisitionNumber": 4,
    "BidsifyVersion": "0.3.5",
    "ConversionSoftware": "dcm2niix",
    "ConversionSoftwareVersion": "v1.0.20181125  GCC6.3.0",
    "EchoTime": 0.00374,
    "ImageComments": "PIOP",
    "ImageOrientationPatientDICOM": [
      0.999429,
      0.0187001,
      0.0281339,
      -0.0190155,
      0.999759,
      0.0109857
    ],
    "Manufacturer": "Philips",
    "PatientPosition": "HFS",
    "PhilipsRescaleIntercept": 0,
    "PhilipsRescaleSlope": 7.98779,
    "PhilipsScaleSlope": 0.00694736,
    "ProtocolName": "WIPt13dSENSE",
    "ReconMatrixPE": 240,
    "RepetitionTime": 0.008175,
    "SeriesDescription": "ImageMRSERIES",
    "SeriesNumber": 4,
    "UsePhilipsFloatNotDisplayScaling": 1,
    "dataset": "ds002785",
    "modality": "T1w",
    "subject_id": "0205"
  },
  "cjv": 0.320455103793428,
  "cnr": 4.096225989065187,
  "efc": 0.7233703895234859,
  "fber": -1.0,
  "fwhm_avg": 3.8962799999999995,
  "fwhm_x": 3.88101,
  "fwhm_y": 4.06424,
  "fwhm_z": 3.74359,
  "icvs_csf": 0.23527475897660113,
  "icvs_gm": 0.4295839168722774,
  "icvs_wm": 0.3351413241511214,
  "inu_med": 0.6314364075660706,
  "inu_range": 0.20807685852050772,
  "provenance": {
    "md5sum": "8bdd466bb7068dfe8b353cb979097411",
    "settings": {
      "testing": false
    },
    "software": "mriqc",
    "version": "23.0.1",
    "warnings": {
      "large_rot_frame": true,
      "small_air_mask": true
    },
    "webapi_port": null,
    "webapi_url": "https://mriqc.nimh.nih.gov/api/v1"
  },
  "qi_1": 0.002187818061885702,
  "qi_2": 7.30474621676664e-05,
  "rpve_csf": 25.203485052183616,
  "rpve_gm": 14.340130021609161,
  "rpve_wm": 22.199778159249966,
  "size_x": 240,
  "size_y": 240,
  "size_z": 220,
  "snr_csf": 1.5214065693566372,
  "snr_gm": 6.875252073797807,
  "snr_total": 10.294329582984895,
  "snr_wm": 22.486330105800242,
  "snrd_csf": 12.777732582847543,
  "snrd_gm": 45.78652238530796,
  "snrd_total": 45.03455910092486,
  "snrd_wm": 76.53942233461906,
  "spacing_x": 1.0,
  "spacing_y": 1.0,
  "spacing_z": 1.0,
  "summary_bg_k": 158.27365464592546,
  "summary_bg_mad": 0.0,
  "summary_bg_mean": 2.5297371080407465,
  "summary_bg_median": 0.0,
  "summary_bg_n": 133903.0,
  "summary_bg_p05": 0.0,
  "summary_bg_p95": 15.676841642707586,
  "summary_bg_stdv": 8.559463736161428,
  "summary_csf_k": 0.7913296825635037,
  "summary_csf_mad": 116.00764049761753,
  "summary_csf_mean": 185.06704146215154,
  "summary_csf_median": 166.94315668195486,
  "summary_csf_n": 20731.0,
  "summary_csf_p05": 33.48263708874583,
  "summary_csf_p95": 379.5067520067096,
  "summary_csf_stdv": 109.72683671958174,
  "summary_gm_k": 0.013727448940301201,
  "summary_gm_mad": 87.02622642277103,
  "summary_gm_mean": 597.4560340010628,
  "summary_gm_median": 598.2083699852228,
  "summary_gm_n": 35223.0,
  "summary_gm_p05": 451.31332243047655,
  "summary_gm_p95": 738.7995023820549,
  "summary_gm_stdv": 87.00770121219755,
  "summary_wm_k": 0.7203066559682263,
  "summary_wm_mad": 41.7299568998497,
  "summary_wm_mean": 999.1557165750185,
  "summary_wm_median": 1000.0000150501728,
  "summary_wm_n": 188415.0,
  "summary_wm_p05": 925.3400935549289,
  "summary_wm_p95": 1069.5089742913842,
  "summary_wm_stdv": 44.47134577429943,
  "tpm_overlap_csf": 0.15254092762614363,
  "tpm_overlap_gm": 0.48036932923842685,
  "tpm_overlap_wm": 0.5244591194529437,
  "wm2max": 0.626361631484657
}