{
  "aor": 0.0004635757575757576,
  "aqi": 0.007772477454545455,
  "bids_meta": {
    "AcquisitionNumber": 2,
    "BidsifyVersion": "0.3.5",
    "ConversionSoftware": "dcm2niix",
    "ConversionSoftwareVersion": "v1.0.20181125  GCC6.3.0",
    "EchoTime": 0.02762,
    "EffectiveEchoSpacing": 0.0006333282667071997,
    "ImageComments": "Piop",
    "ImageOrientationPatientDICOM": [
      0.999296,
      -0.0364681,
      -0.00879517,
      0.0300075,
      0.917765,
      -0.395988
    ],
    "Manufacturer": "Philips",
    "NumberOfVolumesDiscardedByScanner": 2,
    "ParallelAcquisitionTechnique": "SENSE",
    "ParallelReductionFactorInPlane": 2,
    "PatientPosition": "HFS",
    "PhaseEncodingDirection": "j",
    "PhilipsRescaleIntercept": 0,
    "PhilipsRescaleSlope": 0.77827,
    "PhilipsScaleSlope": 0.0891812,
    "ProtocolName": "WIPpiopfacesSENSE",
    "PulseSequenceType": "gradient echo EPI",
    "ReconMatrixPE": 80,
    "RepetitionTime": 0.75,
    "SeriesDescription": "ImageMRSERIES",
    "SeriesNumber": 2,
    "SliceEncodingDirection": "k",
    "SliceTiming": [
      0.0,
      0.06755050505050506,
      0.1351010101010101,
      0.20265151515151517,
      0.2702020202020202,
      0.3377525252525253,
      0.40530303030303033,
      0.47285353535353536,
      0.5404040404040404,
      0.6079545454545455,
      0.6755050505050506,
      0.7430555555555556,
      0.0,
      0.06755050505050506,
      0.1351010101010101,
      0.20265151515151517,
      0.2702020202020202,
      0.3377525252525253,
      0.40530303030303033,
      0.47285353535353536,
      0.5404040404040404,
      0.6079545454545455,
      0.6755050505050506,
      0.7430555555555556,
      0.0,
      0.06755050505050506,
      0.1351010101010101,
      0.20265151515151517,
      0.2702020202020202,
      0.3377525252525253,
      0.40530303030303033,
      0.47285353535353536,
      0.5404040404040404,
      0.6079545454545455,
      0.6755050505050506,
      0.7430555555555556
    ],
    "TaskName": "faces",
    "TotalReadoutTime": 0.024699802401580786,
    "UsePhilipsFloatNotDisplayScaling": 1,
    "acq_id": "mb3",
    "dataset": "ds002785",
    "modality": "bold",
    "subject_id": "0123",
    "task_id": "faces"
  },
  "dummy_trs": 0,
  "dvars_nstd": 31.857384134042547,
  "dvars_std": 1.1415630555623093,
  "dvars_vstd": 1.0054722551367783,
  "efc": 0.4763371669592739,
  "fber": 103059.4453125,
  "fd_mean": 0.09342585160385719,
  "fd_num": 8,
  "fd_perc": 2.4242424242424243,
  "fwhm_avg": 1.896918796528179,
  "fwhm_x": 1.8978599999999999,
  "fwhm_y": 1.9971266666666667,
  "fwhm_z": 1.7957697229178708,
  "gcor": 0.0345455,
  "gsr_x": -0.008748927153646946,
  "gsr_y": 0.01942799985408783,
  "provenance": {
    "md5sum": "fc30c02e838fe393e36a5ff630ea0a21",
    "settings": {
      "fd_thres": 0.2,
      "testing": false
    },
    "software": "mriqc",
    "version": "22.0.0rc1",
    "webapi_port": null,
    "webapi_url": "https://mriqc.nimh.nih.gov/api/v1"
  },
  "size_t": 330,
  "size_x": 80,
  "size_y": 80,
  "size_z": 36,
  "snr": 5.7186043552688774,
  "spacing_tr": 0.75,
  "spacing_x": 3.0,
  "spacing_y": 3.0,
  "spacing_z": 3.299999952316284,
  "summary_bg_k": 16.524340188573237,
  "summary_bg_mad": 58.73451241510153,
  "summary_bg_mean": 614.5096435546875,
  "summary_bg_median": 55.16059875488281,
  "summary_bg_n": 147165.0,
  "summary_bg_p05": 6.510544109344485,
  "summary_bg_p95": 3543.774511718748,
  "summary_bg_stdv": 1468.87353515625,
  "summary_fg_k": 0.335260705487217,
  "summary_fg_mad": 3203.3322158945116,
  "summary_fg_mean": 18548.58984375,
  "summary_fg_median": 18344.0,
  "summary_fg_n": 41526.0,
  "summary_fg_p05": 13597.6728515625,
  "summary_fg_p95": 23979.32958984375,
  "summary_fg_stdv": 3207.737060546875,
  "tsnr": 49.13279342651367
}