{
  "aor": 0.0022048148148148144,
  "aqi": 0.0035911835555555555,
  "bids_meta": {
    "AcquisitionNumber": 5,
    "BidsifyVersion": "0.3.5",
    "ConversionSoftware": "dcm2niix",
    "ConversionSoftwareVersion": "v1.0.20181125  GCC6.3.0",
    "EchoTime": 0.02762,
    "EffectiveEchoSpacing": 0.0006621159151938905,
    "ImageComments": "piop",
    "ImageOrientationPatientDICOM": [
      0.995286,
      -0.0513242,
      0.0822928,
      0.0600025,
      0.992478,
      -0.10671
    ],
    "Manufacturer": "Philips",
    "NumberOfVolumesDiscardedByScanner": 2,
    "ParallelAcquisitionTechnique": "SENSE",
    "ParallelReductionFactorInPlane": 2,
    "PatientPosition": "HFS",
    "PhaseEncodingDirection": "j",
    "PhilipsRescaleIntercept": 0,
    "PhilipsRescaleSlope": 0.78803,
    "PhilipsScaleSlope": 0.064683,
    "ProtocolName": "WIPpiopharririSENSE",
    "PulseSequenceType": "gradient echo EPI",
    "ReconMatrixPE": 80,
    "RepetitionTime": 2,
    "SeriesDescription": "ImageMRSERIES",
    "SeriesNumber": 5,
    "SliceEncodingDirection": "k",
    "SliceTiming": [
      0.0,
      0.0541,
      0.1081,
      0.1622,
      0.2162,
      0.2703,
      0.3243,
      0.3784,
      0.4324,
      0.4865,
      0.5405,
      0.5946,
      0.6486,
      0.7027,
      0.7568,
      0.8108,
      0.8649,
      0.9189,
      0.973,
      1.027,
      1.0811,
      1.1351,
      1.1892,
      1.2432,
      1.2973,
      1.3514,
      1.4054,
      1.4595,
      1.5135,
      1.5676,
      1.6216,
      1.6757,
      1.7297,
      1.7838,
      1.8378,
      1.8919,
      1.9459
    ],
    "TaskName": "emomatching",
    "TotalReadoutTime": 0.025822520692561732,
    "UsePhilipsFloatNotDisplayScaling": 1,
    "acq_id": "seq",
    "dataset": "ds002785",
    "modality": "bold",
    "subject_id": "0052",
    "task_id": "emomatching"
  },
  "dummy_trs": 0,
  "dvars_nstd": 21.954121675298513,
  "dvars_std": 1.233508129701493,
  "dvars_vstd": 1.0225380523134335,
  "efc": 0.45222735358327604,
  "fber": 109193.984375,
  "fd_mean": 0.11040037306239452,
  "fd_num": 10,
  "fd_perc": 7.407407407407407,
  "fwhm_avg": 1.8326425336144716,
  "fwhm_x": 1.76058,
  "fwhm_y": 2.001256666666667,
  "fwhm_z": 1.7360909341767474,
  "gcor": 0.0449388,
  "gsr_x": -0.01661546900868416,
  "gsr_y": 0.024714641273021698,
  "provenance": {
    "md5sum": "6c44cf068006ed9316f2ba515d28fb0b",
    "settings": {
      "fd_thres": 0.2,
      "testing": false
    },
    "software": "mriqc",
    "version": "22.0.0rc1",
    "webapi_port": null,
    "webapi_url": "https://mriqc.nimh.nih.gov/api/v1"
  },
  "size_t": 135,
  "size_x": 80,
  "size_y": 80,
  "size_z": 37,
  "snr": 5.131531333592453,
  "spacing_tr": 2.0,
  "spacing_x": 3.0,
  "spacing_y": 3.0,
  "spacing_z": 3.299999952316284,
  "summary_bg_k": 69.29087382125353,
  "summary_bg_mad": 67.75126046492949,
  "summary_bg_mean": 495.9219055175781,
  "summary_bg_median": 65.02021789550781,
  "summary_bg_n": 152844.0,
  "summary_bg_p05": 5.128463697433472,
  "summary_bg_p95": 2636.1746337890636,
  "summary_bg_stdv": 1400.8909912109375,
  "summary_fg_k": 1.7121075558919472,
  "summary_fg_mad": 3992.0686329439823,
  "summary_fg_mean": 22706.2421875,
  "summary_fg_median": 22206.94140625,
  "summary_fg_n": 41181.0,
  "summary_fg_p05": 16437.73046875,
  "summary_fg_p95": 29977.833984375,
  "summary_fg_stdv": 4327.494140625,
  "tsnr": 81.06257629394531
}