{
  "aor": 0.0007325052192066806,
  "aqi": 0.009021905678496868,
  "bids_meta": {
    "AcquisitionNumber": 6,
    "BidsifyVersion": "0.3.5",
    "ConversionSoftware": "dcm2niix",
    "ConversionSoftwareVersion": "v1.0.20181125  GCC6.3.0",
    "EchoTime": 0.02762,
    "EffectiveEchoSpacing": 0.0006333282667071997,
    "ImageComments": "piop",
    "ImageOrientationPatientDICOM": [
      0.999899,
      0.0095221,
      -0.0105588,
      -0.0106458,
      0.993645,
      -0.112057
    ],
    "Manufacturer": "Philips",
    "NumberOfVolumesDiscardedByScanner": 2,
    "ParallelAcquisitionTechnique": "SENSE",
    "ParallelReductionFactorInPlane": 2,
    "PatientPosition": "HFS",
    "PhaseEncodingDirection": "j",
    "PhilipsRescaleIntercept": 0,
    "PhilipsRescaleSlope": 0.76239,
    "PhilipsScaleSlope": 0.10156,
    "ProtocolName": "WIPpioprsSENSE",
    "PulseSequenceType": "gradient echo EPI",
    "ReconMatrixPE": 80,
    "RepetitionTime": 0.75,
    "SeriesDescription": "ImageMRSERIES",
    "SeriesNumber": 6,
    "SliceEncodingDirection": "k",
    "SliceTiming": [
      0.0,
      0.06755050505050506,
      0.1351010101010101,
      0.20265151515151517,
      0.2702020202020202,
      0.3377525252525253,
      0.40530303030303033,
      0.47285353535353536,
      0.5404040404040404,
      0.6079545454545455,
      0.6755050505050506,
      0.7430555555555556,
      0.0,
      0.06755050505050506,
      0.1351010101010101,
      0.20265151515151517,
      0.2702020202020202,
      0.3377525252525253,
      0.40530303030303033,
      0.47285353535353536,
      0.5404040404040404,
      0.6079545454545455,
      0.6755050505050506,
      0.7430555555555556,
      0.0,
      0.06755050505050506,
      0.1351010101010101,
      0.20265151515151517,
      0.2702020202020202,
      0.3377525252525253,
      0.40530303030303033,
      0.47285353535353536,
      0.5404040404040404,
      0.6079545454545455,
      0.6755050505050506,
      0.7430555555555556
    ],
    "TaskName": "restingstate",
    "TotalReadoutTime": 0.024699802401580786,
    "UsePhilipsFloatNotDisplayScaling": 1,
    "acq_id": "mb3",
    "dataset": "ds002785",
    "modality": "bold",
    "subject_id": "0189",
    "task_id": "restingstate"
  },
  "dummy_trs": 1,
  "dvars_nstd": 26.320741920941437,
  "dvars_std": 1.13227230627615,
  "dvars_vstd": 1.0055532371757325,
  "efc": 0.4221068600666261,
  "fber": 196924.703125,
  "fd_mean": 0.1103945590634321,
  "fd_num": 17,
  "fd_perc": 3.549060542797495,
  "fwhm_avg": 1.9604077866549765,
  "fwhm_x": 1.9346133333333333,
  "fwhm_y": 2.103543333333333,
  "fwhm_z": 1.8430666932982631,
  "gcor": 0.0199342,
  "gsr_x": -0.023223496973514557,
  "gsr_y": 0.00918734259903431,
  "provenance": {
    "md5sum": "7d8629fa6e357792a770b41ab83e787f",
    "settings": {
      "fd_thres": 0.2,
      "testing": false
    },
    "software": "mriqc",
    "version": "22.0.0rc1",
    "webapi_port": null,
    "webapi_url": "https://mriqc.nimh.nih.gov/api/v1"
  },
  "size_t": 479,
  "size_x": 80,
  "size_y": 80,
  "size_z": 36,
  "snr": 6.746667566049981,
  "spacing_tr": 0.75,
  "spacing_x": 3.0,
  "spacing_y": 3.0,
  "spacing_z": 3.299999952316284,
  "summary_bg_k": 35.678689607164884,
  "summary_bg_mad": 43.3654885248807,
  "summary_bg_mean": 385.5607604980469,
  "summary_bg_median": 36.3048095703125,
  "summary_bg_n": 157237.0,
  "summary_bg_p05": 1.330261754989624,
  "summary_bg_p95": 1948.115185546875,
  "summary_bg_stdv": 1107.627685546875,
  "summary_fg_k": 0.9788152410682471,
  "summary_fg_mad": 2292.346269236134,
  "summary_fg_mean": 16385.0234375,
  "summary_fg_median": 16405.86328125,
  "summary_fg_n": 32938.0,
  "summary_fg_p05": 12376.5326171875,
  "summary_fg_p95": 20287.27626953125,
  "summary_fg_stdv": 2431.661865234375,
  "tsnr": 52.480621337890625
}