{
  "bids_meta": {
    "AcquisitionNumber": 4,
    "BidsifyVersion": "0.3.5",
    "ConversionSoftware": "dcm2niix",
    "ConversionSoftwareVersion": "v1.0.20181125  GCC6.3.0",
    "EchoTime": 0.00385,
    "ImageComments": "PioP",
    "ImageOrientationPatientDICOM": [
      0.995314,
      0.0966761,
      0.00179918,
      -0.0951366,
      0.982451,
      -0.160436
    ],
    "Manufacturer": "Philips",
    "PatientPosition": "HFS",
    "PhilipsRescaleIntercept": 0,
    "PhilipsRescaleSlope": 8.48498,
    "PhilipsScaleSlope": 0.0073986,
    "ProtocolName": "WIPt13dSENSE",
    "ReconMatrixPE": 240,
    "RepetitionTime": 0.008331,
    "SeriesDescription": "ImageMRSERIES",
    "SeriesNumber": 4,
    "UsePhilipsFloatNotDisplayScaling": 1,
    "dataset": "ds002785",
    "modality": "T1w",
    "subject_id": "0043"
  },
  "cjv": 0.32572702982192936,
  "cnr": 3.7423335628923295,
  "efc": 0.7707394870127853,
  "fber": 733.8976440429688,
  "fwhm_avg": 3.51937,
  "fwhm_x": 3.45191,
  "fwhm_y": 3.78239,
  "fwhm_z": 3.32381,
  "icvs_csf": 0.2016779831436449,
  "icvs_gm": 0.4139154987501861,
  "icvs_wm": 0.384406518106169,
  "inu_med": 3.741241455078125,
  "inu_range": 1.145681381225586,
  "provenance": {
    "md5sum": "993544aaea54c2b4a95829ff54bc984e",
    "settings": {
      "testing": false
    },
    "software": "mriqc",
    "version": "22.0.0rc1",
    "warnings": {
      "large_rot_frame": true,
      "small_air_mask": true
    },
    "webapi_port": null,
    "webapi_url": "https://mriqc.nimh.nih.gov/api/v1"
  },
  "qi_1": 0.0,
  "qi_2": 0.00013897661437525444,
  "rpve_csf": 27.877864187532587,
  "rpve_gm": 14.529351231049375,
  "rpve_wm": 20.379985543641546,
  "size_x": 240,
  "size_y": 240,
  "size_z": 220,
  "snr_csf": 1.921660698911082,
  "snr_gm": 7.032080895921506,
  "snr_total": 10.04992055410794,
  "snr_wm": 21.19602006749123,
  "snrd_csf": 22.24253624611225,
  "snrd_gm": 41.92992687240741,
  "snrd_total": 43.850626845026774,
  "snrd_wm": 67.37941741656066,
  "spacing_x": 1.0,
  "spacing_y": 1.0,
  "spacing_z": 1.0,
  "summary_bg_k": 3.6065903792037046,
  "summary_bg_mad": 9.723093530354758,
  "summary_bg_mean": 13.155102729797363,
  "summary_bg_median": 13.077077865600586,
  "summary_bg_n": 186780.0,
  "summary_bg_p05": 0.0,
  "summary_bg_p95": 33.283707809448245,
  "summary_bg_stdv": 11.39632797241211,
  "summary_csf_k": 20.188384775525027,
  "summary_csf_mad": 145.6519133577498,
  "summary_csf_mean": 315.5843811035156,
  "summary_csf_median": 330.1087646484375,
  "summary_csf_n": 5901.0,
  "summary_csf_p05": 80.49871063232422,
  "summary_csf_p95": 496.44061279296875,
  "summary_csf_stdv": 171.7685089111328,
  "summary_gm_k": 0.5968158194416975,
  "summary_gm_mad": 81.01791307760996,
  "summary_gm_mean": 626.8014526367188,
  "summary_gm_median": 622.2957763671875,
  "summary_gm_n": 15701.0,
  "summary_gm_p05": 489.94158935546875,
  "summary_gm_p95": 783.9303588867188,
  "summary_gm_stdv": 88.49101257324219,
  "summary_wm_k": 1.2441967924579806,
  "summary_wm_mad": 42.01056183750383,
  "summary_wm_mean": 996.781494140625,
  "summary_wm_median": 1000.0,
  "summary_wm_n": 222261.0,
  "summary_wm_p05": 913.7734375,
  "summary_wm_p95": 1067.05126953125,
  "summary_wm_stdv": 47.17856216430664,
  "tpm_overlap_csf": 0.16741454601287842,
  "tpm_overlap_gm": 0.43881142139434814,
  "tpm_overlap_wm": 0.5129910707473755,
  "wm2max": 0.6423140179439193
}