{
  "aor": 0.003524008350730689,
  "aqi": 0.03181674237995825,
  "bids_meta": {
    "AcquisitionNumber": 6,
    "BidsifyVersion": "0.3.5",
    "ConversionSoftware": "dcm2niix",
    "ConversionSoftwareVersion": "v1.0.20181125  GCC6.3.0",
    "EchoTime": 0.02762,
    "ImageComments": "piop",
    "ImageOrientationPatientDICOM": [
      0.996745,
      -0.0743848,
      0.0310975,
      0.079846,
      0.964185,
      -0.252926
    ],
    "Manufacturer": "Philips",
    "NumberOfVolumesDiscardedByScanner": 2,
    "ParallelAcquisitionTechnique": "SENSE",
    "ParallelReductionFactorInPlane": 2,
    "PatientPosition": "HFS",
    "PhaseEncodingDirection": "j",
    "PhilipsRescaleIntercept": 0,
    "PhilipsRescaleSlope": 0.74945,
    "PhilipsScaleSlope": 0.0980619,
    "ProtocolName": "WIPpioprsSENSE",
    "PulseSequenceType": "gradient echo EPI",
    "ReconMatrixPE": 80,
    "RepetitionTime": 0.75,
    "SeriesDescription": "ImageMRSERIES",
    "SeriesNumber": 6,
    "SliceEncodingDirection": "k",
    "TaskName": "restingstate",
    "UsePhilipsFloatNotDisplayScaling": 1,
    "acq_id": "mb3",
    "dataset": "ds002785",
    "modality": "bold",
    "subject_id": "0214",
    "task_id": "restingstate"
  },
  "dummy_trs": 1,
  "dvars_nstd": 27.332096822175714,
  "dvars_std": 1.082365256673641,
  "dvars_vstd": 0.9942409266317984,
  "efc": 0.44667533373082036,
  "fber": 158857.21875,
  "fd_mean": 0.14230786481187874,
  "fd_num": 58,
  "fd_perc": 12.108559498956158,
  "fwhm_avg": 1.8962800083245812,
  "fwhm_x": 1.8905333333333332,
  "fwhm_y": 2.0699733333333334,
  "fwhm_z": 1.7283333583070777,
  "gcor": 0.00892709,
  "gsr_x": -0.015229891985654831,
  "gsr_y": 0.018500078469514847,
  "provenance": {
    "md5sum": "37ed442b4b741383dc3d67452e4838e3",
    "settings": {
      "fd_thres": 0.2,
      "testing": false
    },
    "software": "mriqc",
    "version": "23.0.1",
    "webapi_port": null,
    "webapi_url": "https://mriqc.nimh.nih.gov/api/v1"
  },
  "size_t": 479,
  "size_x": 80,
  "size_y": 80,
  "size_z": 36,
  "snr": 7.2242487306664485,
  "spacing_tr": 0.75,
  "spacing_x": 3.0,
  "spacing_y": 3.0,
  "spacing_z": 3.299999952316284,
  "summary_bg_k": 42.736778650508796,
  "summary_bg_mad": 46.446134553186404,
  "summary_bg_mean": 418.6687316894531,
  "summary_bg_median": 42.384071350097656,
  "summary_bg_n": 152114.0,
  "summary_bg_p05": 4.708244180679322,
  "summary_bg_p95": 2349.988439941409,
  "summary_bg_stdv": 1121.1859130859375,
  "summary_fg_k": 0.9000878909393912,
  "summary_fg_mad": 2231.0550012528447,
  "summary_fg_mean": 17213.736328125,
  "summary_fg_median": 17246.37890625,
  "summary_fg_n": 36744.0,
  "summary_fg_p05": 13252.95087890625,
  "summary_fg_p95": 21045.89873046875,
  "summary_fg_stdv": 2387.2578125,
  "tsnr": 33.76805114746094
}