{
  "aor": 0.0045812121212121205,
  "aqi": 0.01673573321212121,
  "bids_meta": {
    "AcquisitionNumber": 2,
    "BidsifyVersion": "0.3.5",
    "ConversionSoftware": "dcm2niix",
    "ConversionSoftwareVersion": "v1.0.20181125  GCC6.3.0",
    "EchoTime": 0.02762,
    "ImageComments": "piop",
    "ImageOrientationPatientDICOM": [
      0.996745,
      -0.0743848,
      0.0310975,
      0.079846,
      0.964185,
      -0.252926
    ],
    "Manufacturer": "Philips",
    "NumberOfVolumesDiscardedByScanner": 2,
    "ParallelAcquisitionTechnique": "SENSE",
    "ParallelReductionFactorInPlane": 2,
    "PatientPosition": "HFS",
    "PhaseEncodingDirection": "j",
    "PhilipsRescaleIntercept": 0,
    "PhilipsRescaleSlope": 0.75995,
    "PhilipsScaleSlope": 0.103792,
    "ProtocolName": "WIPpiopfacesSENSE",
    "PulseSequenceType": "gradient echo EPI",
    "ReconMatrixPE": 80,
    "RepetitionTime": 0.75,
    "SeriesDescription": "ImageMRSERIES",
    "SeriesNumber": 2,
    "SliceEncodingDirection": "k",
    "TaskName": "faces",
    "UsePhilipsFloatNotDisplayScaling": 1,
    "acq_id": "mb3",
    "dataset": "ds002785",
    "modality": "bold",
    "subject_id": "0214",
    "task_id": "faces"
  },
  "dummy_trs": 0,
  "dvars_nstd": 25.356868946717324,
  "dvars_std": 1.1095085306990877,
  "dvars_vstd": 1.0234362285410339,
  "efc": 0.44284563384041575,
  "fber": 159937.1875,
  "fd_mean": 0.10616788453281989,
  "fd_num": 17,
  "fd_perc": 5.151515151515151,
  "fwhm_avg": 1.8682166750795515,
  "fwhm_x": 1.8381266666666667,
  "fwhm_y": 2.0198566666666666,
  "fwhm_z": 1.7466666919053206,
  "gcor": 0.0112596,
  "gsr_x": -0.016082243993878365,
  "gsr_y": 0.014069722965359688,
  "provenance": {
    "md5sum": "502c6123e60e2802b8676b5207c6bc90",
    "settings": {
      "fd_thres": 0.2,
      "testing": false
    },
    "software": "mriqc",
    "version": "23.0.1",
    "webapi_port": null,
    "webapi_url": "https://mriqc.nimh.nih.gov/api/v1"
  },
  "size_t": 330,
  "size_x": 80,
  "size_y": 80,
  "size_z": 36,
  "snr": 7.171575331469353,
  "spacing_tr": 0.75,
  "spacing_x": 3.0,
  "spacing_y": 3.0,
  "spacing_z": 3.299999952316284,
  "summary_bg_k": 47.09882795001972,
  "summary_bg_mad": 46.62831173838276,
  "summary_bg_mean": 424.7669677734375,
  "summary_bg_median": 42.99488067626953,
  "summary_bg_n": 152937.0,
  "summary_bg_p05": 4.165537261962891,
  "summary_bg_p95": 2358.062207031242,
  "summary_bg_stdv": 1168.00732421875,
  "summary_fg_k": 1.0931556686828836,
  "summary_fg_mad": 2245.230213186711,
  "summary_fg_mean": 17671.099609375,
  "summary_fg_median": 17672.48046875,
  "summary_fg_n": 36123.0,
  "summary_fg_p05": 13646.21044921875,
  "summary_fg_p95": 21649.606835937502,
  "summary_fg_stdv": 2464.20556640625,
  "tsnr": 45.77515411376953
}