{
  "aor": 0.0032592592592592595,
  "aqi": 0.016030632000000003,
  "bids_meta": {
    "AcquisitionNumber": 5,
    "BidsifyVersion": "0.3.5",
    "ConversionSoftware": "dcm2niix",
    "ConversionSoftwareVersion": "v1.0.20181125  GCC6.3.0",
    "EchoTime": 0.02762,
    "ImageComments": "piop",
    "ImageOrientationPatientDICOM": [
      0.996745,
      -0.0743848,
      0.0310975,
      0.079846,
      0.964185,
      -0.252926
    ],
    "Manufacturer": "Philips",
    "NumberOfVolumesDiscardedByScanner": 2,
    "ParallelAcquisitionTechnique": "SENSE",
    "ParallelReductionFactorInPlane": 2,
    "PatientPosition": "HFS",
    "PhaseEncodingDirection": "j",
    "PhilipsRescaleIntercept": 0,
    "PhilipsRescaleSlope": 0.87326,
    "PhilipsScaleSlope": 0.0586035,
    "ProtocolName": "WIPpiopharririSENSE",
    "PulseSequenceType": "gradient echo EPI",
    "ReconMatrixPE": 80,
    "RepetitionTime": 2,
    "SeriesDescription": "ImageMRSERIES",
    "SeriesNumber": 5,
    "SliceEncodingDirection": "k",
    "TaskName": "emomatching",
    "UsePhilipsFloatNotDisplayScaling": 1,
    "acq_id": "seq",
    "dataset": "ds002785",
    "modality": "bold",
    "subject_id": "0214",
    "task_id": "emomatching"
  },
  "dummy_trs": 0,
  "dvars_nstd": 22.892905790298503,
  "dvars_std": 1.0496258492537311,
  "dvars_vstd": 0.9394321047014925,
  "efc": 0.43842507810134645,
  "fber": 174788.890625,
  "fd_mean": 0.2085527960879517,
  "fd_num": 41,
  "fd_perc": 30.37037037037037,
  "fwhm_avg": 1.8187510183798492,
  "fwhm_x": 1.77505,
  "fwhm_y": 1.9623666666666668,
  "fwhm_z": 1.7188363884728806,
  "gcor": 0.0220562,
  "gsr_x": -0.013824528083205223,
  "gsr_y": 0.01402374729514122,
  "provenance": {
    "md5sum": "68ef360c4c19ed241100201b70c06c2e",
    "settings": {
      "fd_thres": 0.2,
      "testing": false
    },
    "software": "mriqc",
    "version": "23.0.1",
    "webapi_port": null,
    "webapi_url": "https://mriqc.nimh.nih.gov/api/v1"
  },
  "size_t": 135,
  "size_x": 80,
  "size_y": 80,
  "size_z": 37,
  "snr": 6.30190417516151,
  "spacing_tr": 2.0,
  "spacing_x": 3.0,
  "spacing_y": 3.0,
  "spacing_z": 3.299999952316284,
  "summary_bg_k": 54.435461840686735,
  "summary_bg_mad": 63.45860604124047,
  "summary_bg_mean": 622.9775390625,
  "summary_bg_median": 61.801490783691406,
  "summary_bg_n": 157628.0,
  "summary_bg_p05": 6.771427297592163,
  "summary_bg_p95": 3550.7505737304673,
  "summary_bg_stdv": 1767.2213134765625,
  "summary_fg_k": 1.5951007236890273,
  "summary_fg_mad": 3894.772862354552,
  "summary_fg_mean": 26761.880859375,
  "summary_fg_median": 26463.171875,
  "summary_fg_n": 37149.0,
  "summary_fg_p05": 20420.119921875,
  "summary_fg_p95": 33645.089062499996,
  "summary_fg_stdv": 4199.177734375,
  "tsnr": 51.58001708984375
}