{
  "aor": 0.003043877551020408,
  "aqi": 0.025323788979591838,
  "bids_meta": {
    "AcquisitionNumber": 3,
    "BidsifyVersion": "0.3.5",
    "ConversionSoftware": "dcm2niix",
    "ConversionSoftwareVersion": "v1.0.20181125  GCC6.3.0",
    "EchoTime": 0.02762,
    "ImageComments": "piop",
    "ImageOrientationPatientDICOM": [
      0.996745,
      -0.0743848,
      0.0310975,
      0.079846,
      0.964185,
      -0.252926
    ],
    "Manufacturer": "Philips",
    "NumberOfVolumesDiscardedByScanner": 2,
    "ParallelAcquisitionTechnique": "SENSE",
    "ParallelReductionFactorInPlane": 2,
    "PatientPosition": "HFS",
    "PhaseEncodingDirection": "j",
    "PhilipsRescaleIntercept": 0,
    "PhilipsRescaleSlope": 0.7939,
    "PhilipsScaleSlope": 0.0586756,
    "ProtocolName": "WIPpiopgstroopSENSE",
    "PulseSequenceType": "gradient echo EPI",
    "ReconMatrixPE": 80,
    "RepetitionTime": 2,
    "SeriesDescription": "ImageMRSERIES",
    "SeriesNumber": 3,
    "SliceEncodingDirection": "k",
    "TaskName": "gstroop",
    "UsePhilipsFloatNotDisplayScaling": 1,
    "acq_id": "seq",
    "dataset": "ds002785",
    "modality": "bold",
    "subject_id": "0214",
    "task_id": "gstroop"
  },
  "dummy_trs": 0,
  "dvars_nstd": 23.777849932418025,
  "dvars_std": 1.0160219000819672,
  "dvars_vstd": 0.8808323543032789,
  "efc": 0.4383214527881325,
  "fber": 167892.71875,
  "fd_mean": 0.22065644557852215,
  "fd_num": 56,
  "fd_perc": 22.857142857142858,
  "fwhm_avg": 1.8015968769244024,
  "fwhm_x": 1.7502666666666666,
  "fwhm_y": 1.9442633333333335,
  "fwhm_z": 1.7102606307732067,
  "gcor": 0.00884529,
  "gsr_x": -0.013741387985646725,
  "gsr_y": 0.0150638772174716,
  "provenance": {
    "md5sum": "fdd03f38319e04e2123345945a476c6f",
    "settings": {
      "fd_thres": 0.2,
      "testing": false
    },
    "software": "mriqc",
    "version": "23.0.1",
    "webapi_port": null,
    "webapi_url": "https://mriqc.nimh.nih.gov/api/v1"
  },
  "size_t": 245,
  "size_x": 80,
  "size_y": 80,
  "size_z": 37,
  "snr": 6.530754312031826,
  "spacing_tr": 2.0,
  "spacing_x": 3.0,
  "spacing_y": 3.0,
  "spacing_z": 3.299999952316284,
  "summary_bg_k": 63.63949672237838,
  "summary_bg_mad": 65.42982495921497,
  "summary_bg_mean": 615.2827758789062,
  "summary_bg_median": 63.75286102294922,
  "summary_bg_n": 157635.0,
  "summary_bg_p05": 8.156006240844727,
  "summary_bg_p95": 3427.158520507809,
  "summary_bg_stdv": 1763.559814453125,
  "summary_fg_k": 1.7664201869913772,
  "summary_fg_mad": 3778.437815228649,
  "summary_fg_mean": 26879.546875,
  "summary_fg_median": 26581.474609375,
  "summary_fg_n": 37180.0,
  "summary_fg_p05": 20788.03046875,
  "summary_fg_p95": 33500.616796875,
  "summary_fg_stdv": 4070.14501953125,
  "tsnr": 43.03982162475586
}