{
  "aor": 0.0007535510204081633,
  "aqi": 0.004824667510204082,
  "bids_meta": {
    "AcquisitionNumber": 3,
    "BidsifyVersion": "0.3.5",
    "ConversionSoftware": "dcm2niix",
    "ConversionSoftwareVersion": "v1.0.20181125  GCC6.3.0",
    "EchoTime": 0.02762,
    "EffectiveEchoSpacing": 0.0006621159151938905,
    "ImageComments": "piop",
    "ImageOrientationPatientDICOM": [
      0.998573,
      0.0532988,
      -0.00321395,
      -0.0533816,
      0.995125,
      -0.0829288
    ],
    "Manufacturer": "Philips",
    "NumberOfVolumesDiscardedByScanner": 2,
    "ParallelAcquisitionTechnique": "SENSE",
    "ParallelReductionFactorInPlane": 2,
    "PatientPosition": "HFS",
    "PhaseEncodingDirection": "j",
    "PhilipsRescaleIntercept": 0,
    "PhilipsRescaleSlope": 0.7956,
    "PhilipsScaleSlope": 0.0502143,
    "ProtocolName": "WIPpiopgstroopSENSE",
    "PulseSequenceType": "gradient echo EPI",
    "ReconMatrixPE": 80,
    "RepetitionTime": 2,
    "SeriesDescription": "ImageMRSERIES",
    "SeriesNumber": 3,
    "SliceEncodingDirection": "k",
    "SliceTiming": [
      0.0,
      0.0541,
      0.1081,
      0.1622,
      0.2162,
      0.2703,
      0.3243,
      0.3784,
      0.4324,
      0.4865,
      0.5405,
      0.5946,
      0.6486,
      0.7027,
      0.7568,
      0.8108,
      0.8649,
      0.9189,
      0.973,
      1.027,
      1.0811,
      1.1351,
      1.1892,
      1.2432,
      1.2973,
      1.3514,
      1.4054,
      1.4595,
      1.5135,
      1.5676,
      1.6216,
      1.6757,
      1.7297,
      1.7838,
      1.8378,
      1.8919,
      1.9459
    ],
    "TaskName": "gstroop",
    "TotalReadoutTime": 0.025822520692561732,
    "UsePhilipsFloatNotDisplayScaling": 1,
    "acq_id": "seq",
    "dataset": "ds002785",
    "modality": "bold",
    "subject_id": "0162",
    "task_id": "gstroop"
  },
  "dummy_trs": 0,
  "dvars_nstd": 20.910548585327874,
  "dvars_std": 1.2747486794672132,
  "dvars_vstd": 0.9761509545901645,
  "efc": 0.4523191811789058,
  "fber": 197885.015625,
  "fd_mean": 0.0739956262057653,
  "fd_num": 8,
  "fd_perc": 3.2653061224489797,
  "fwhm_avg": 1.8317169781298794,
  "fwhm_x": 1.7762900000000001,
  "fwhm_y": 1.9680366666666667,
  "fwhm_z": 1.750824267722972,
  "gcor": 0.0352465,
  "gsr_x": -0.013984222896397114,
  "gsr_y": 0.01995255798101425,
  "provenance": {
    "md5sum": "f793c36d6c395cfe0be1d8b1cfc9e0ae",
    "settings": {
      "fd_thres": 0.2,
      "testing": false
    },
    "software": "mriqc",
    "version": "22.0.0rc1",
    "webapi_port": null,
    "webapi_url": "https://mriqc.nimh.nih.gov/api/v1"
  },
  "size_t": 245,
  "size_x": 80,
  "size_y": 80,
  "size_z": 37,
  "snr": 5.861995603896403,
  "spacing_tr": 2.0,
  "spacing_x": 3.0,
  "spacing_y": 3.0,
  "spacing_z": 3.299999952316284,
  "summary_bg_k": 28.36513442941569,
  "summary_bg_mad": 63.94059428535625,
  "summary_bg_mean": 739.107666015625,
  "summary_bg_median": 59.422584533691406,
  "summary_bg_n": 154875.0,
  "summary_bg_p05": 3.798040556907656,
  "summary_bg_p95": 4773.6730468749965,
  "summary_bg_stdv": 2101.603271484375,
  "summary_fg_k": 1.2201120882810663,
  "summary_fg_mad": 4464.121071335283,
  "summary_fg_mean": 27804.462890625,
  "summary_fg_median": 27417.0234375,
  "summary_fg_n": 39844.0,
  "summary_fg_p05": 21013.44306640625,
  "summary_fg_p95": 35598.0263671875,
  "summary_fg_stdv": 4677.021484375,
  "tsnr": 81.5867919921875
}