{
  "aor": 0.0004827272727272727,
  "aqi": 0.005590337757575757,
  "bids_meta": {
    "AcquisitionNumber": 2,
    "BidsifyVersion": "0.3.5",
    "ConversionSoftware": "dcm2niix",
    "ConversionSoftwareVersion": "v1.0.20181125  GCC6.3.0",
    "EchoTime": 0.02763,
    "EffectiveEchoSpacing": 0.0006333282667071997,
    "ImageComments": "piop",
    "ImageOrientationPatientDICOM": [
      0.998574,
      0.0532755,
      -0.0034375,
      -0.0533817,
      0.995575,
      -0.0773419
    ],
    "Manufacturer": "Philips",
    "NumberOfVolumesDiscardedByScanner": 2,
    "ParallelAcquisitionTechnique": "SENSE",
    "ParallelReductionFactorInPlane": 2,
    "PatientPosition": "HFS",
    "PhaseEncodingDirection": "j",
    "PhilipsRescaleIntercept": 0,
    "PhilipsRescaleSlope": 0.82076,
    "PhilipsScaleSlope": 0.0833803,
    "ProtocolName": "WIPpiopfacesSENSE",
    "PulseSequenceType": "gradient echo EPI",
    "ReconMatrixPE": 80,
    "RepetitionTime": 0.75,
    "SeriesDescription": "ImageMRSERIES",
    "SeriesNumber": 2,
    "SliceEncodingDirection": "k",
    "SliceTiming": [
      0.0,
      0.06755050505050506,
      0.1351010101010101,
      0.20265151515151517,
      0.2702020202020202,
      0.3377525252525253,
      0.40530303030303033,
      0.47285353535353536,
      0.5404040404040404,
      0.6079545454545455,
      0.6755050505050506,
      0.7430555555555556,
      0.0,
      0.06755050505050506,
      0.1351010101010101,
      0.20265151515151517,
      0.2702020202020202,
      0.3377525252525253,
      0.40530303030303033,
      0.47285353535353536,
      0.5404040404040404,
      0.6079545454545455,
      0.6755050505050506,
      0.7430555555555556,
      0.0,
      0.06755050505050506,
      0.1351010101010101,
      0.20265151515151517,
      0.2702020202020202,
      0.3377525252525253,
      0.40530303030303033,
      0.47285353535353536,
      0.5404040404040404,
      0.6079545454545455,
      0.6755050505050506,
      0.7430555555555556
    ],
    "TaskName": "faces",
    "TotalReadoutTime": 0.024699802401580786,
    "UsePhilipsFloatNotDisplayScaling": 1,
    "acq_id": "mb3",
    "dataset": "ds002785",
    "modality": "bold",
    "subject_id": "0162",
    "task_id": "faces"
  },
  "dummy_trs": 0,
  "dvars_nstd": 21.114336454559282,
  "dvars_std": 1.140976696474164,
  "dvars_vstd": 1.0015998827051673,
  "efc": 0.4609443034378944,
  "fber": 169478.328125,
  "fd_mean": 0.08224467004001888,
  "fd_num": 2,
  "fd_perc": 0.6060606060606061,
  "fwhm_avg": 2.21443369462421,
  "fwhm_x": 2.1872700000000003,
  "fwhm_y": 2.44004,
  "fwhm_z": 2.015991083872629,
  "gcor": 0.0180133,
  "gsr_x": -0.013755572959780693,
  "gsr_y": 0.019165171310305595,
  "provenance": {
    "md5sum": "ed5ff98ba433cef7557477fe462ea126",
    "settings": {
      "fd_thres": 0.2,
      "testing": false
    },
    "software": "mriqc",
    "version": "22.0.0rc1",
    "webapi_port": null,
    "webapi_url": "https://mriqc.nimh.nih.gov/api/v1"
  },
  "size_t": 330,
  "size_x": 80,
  "size_y": 80,
  "size_z": 36,
  "snr": 6.563304429037375,
  "spacing_tr": 0.75,
  "spacing_x": 3.0,
  "spacing_y": 3.0,
  "spacing_z": 3.299999713897705,
  "summary_bg_k": 22.22894560521353,
  "summary_bg_mad": 51.45693927262047,
  "summary_bg_mean": 527.5914916992188,
  "summary_bg_median": 47.249881744384766,
  "summary_bg_n": 149243.0,
  "summary_bg_p05": 2.4065236330032347,
  "summary_bg_p95": 3305.769311523432,
  "summary_bg_stdv": 1399.9412841796875,
  "summary_fg_k": 0.42764521431965274,
  "summary_fg_mad": 2997.1542252492536,
  "summary_fg_mean": 19728.197265625,
  "summary_fg_median": 19737.552734375,
  "summary_fg_n": 39574.0,
  "summary_fg_p05": 14861.446533203125,
  "summary_fg_p95": 24555.38056640625,
  "summary_fg_stdv": 3007.220458984375,
  "tsnr": 70.39417266845703
}