{
  "aor": 0.0020522,
  "aqi": 0.005269245099999999,
  "bids_meta": {
    "AcquisitionNumber": 8,
    "BidsifyVersion": "0.3.5",
    "ConversionSoftware": "dcm2niix",
    "ConversionSoftwareVersion": "v1.0.20181125  GCC6.3.0",
    "EchoTime": 0.02762,
    "EffectiveEchoSpacing": 0.0006621159151938905,
    "ImageComments": "piop",
    "ImageOrientationPatientDICOM": [
      0.997277,
      -0.0710129,
      -0.0198847,
      0.0608214,
      0.944527,
      -0.322753
    ],
    "Manufacturer": "Philips",
    "NumberOfVolumesDiscardedByScanner": 2,
    "ParallelAcquisitionTechnique": "SENSE",
    "ParallelReductionFactorInPlane": 2,
    "PatientPosition": "HFS",
    "PhaseEncodingDirection": "j",
    "PhilipsRescaleIntercept": 0,
    "PhilipsRescaleSlope": 0.75995,
    "PhilipsScaleSlope": 0.0576469,
    "ProtocolName": "WIPpiopanticipatieSENSE",
    "PulseSequenceType": "gradient echo EPI",
    "ReconMatrixPE": 80,
    "RepetitionTime": 2,
    "SeriesDescription": "ImageMRSERIES",
    "SeriesNumber": 8,
    "SliceEncodingDirection": "k",
    "SliceTiming": [
      0.0,
      0.0541,
      0.1081,
      0.1622,
      0.2162,
      0.2703,
      0.3243,
      0.3784,
      0.4324,
      0.4865,
      0.5405,
      0.5946,
      0.6486,
      0.7027,
      0.7568,
      0.8108,
      0.8649,
      0.9189,
      0.973,
      1.027,
      1.0811,
      1.1351,
      1.1892,
      1.2432,
      1.2973,
      1.3514,
      1.4054,
      1.4595,
      1.5135,
      1.5676,
      1.6216,
      1.6757,
      1.7297,
      1.7838,
      1.8378,
      1.8919,
      1.9459
    ],
    "TaskName": "anticipation",
    "TotalReadoutTime": 0.025822520692561732,
    "UsePhilipsFloatNotDisplayScaling": 1,
    "acq_id": "seq",
    "dataset": "ds002785",
    "modality": "bold",
    "subject_id": "0022",
    "task_id": "anticipation"
  },
  "dummy_trs": 0,
  "dvars_nstd": 18.303516986884425,
  "dvars_std": 1.1834716667336684,
  "dvars_vstd": 0.9940672304522613,
  "efc": 0.443022579722542,
  "fber": 139819.9375,
  "fd_mean": 0.12928701825766806,
  "fd_num": 27,
  "fd_perc": 13.5,
  "fwhm_avg": 1.9005127356821674,
  "fwhm_x": 1.87722,
  "fwhm_y": 2.0783666666666667,
  "fwhm_z": 1.7459515403798354,
  "gcor": 0.025591,
  "gsr_x": -0.011040924116969109,
  "gsr_y": 0.017500273883342743,
  "provenance": {
    "md5sum": "283b01dbcebc3053ac27290f20ff2663",
    "settings": {
      "fd_thres": 0.2,
      "testing": false
    },
    "software": "mriqc",
    "version": "22.0.0rc1",
    "webapi_port": null,
    "webapi_url": "https://mriqc.nimh.nih.gov/api/v1"
  },
  "size_t": 200,
  "size_x": 80,
  "size_y": 80,
  "size_z": 37,
  "snr": 6.407062302029256,
  "spacing_tr": 2.0,
  "spacing_x": 3.0,
  "spacing_y": 3.0,
  "spacing_z": 3.299999952316284,
  "summary_bg_k": 30.584315360834253,
  "summary_bg_mad": 75.65041389752624,
  "summary_bg_mean": 874.8783569335938,
  "summary_bg_median": 67.0317611694336,
  "summary_bg_n": 160715.0,
  "summary_bg_p05": 8.08951168060303,
  "summary_bg_p95": 4954.384277343744,
  "summary_bg_stdv": 2179.73828125,
  "summary_fg_k": 3.289797110950441,
  "summary_fg_mad": 3476.8643620132852,
  "summary_fg_mean": 25850.48046875,
  "summary_fg_median": 25555.23046875,
  "summary_fg_n": 34392.0,
  "summary_fg_p05": 20280.06865234375,
  "summary_fg_p95": 32167.856249999993,
  "summary_fg_stdv": 3988.54541015625,
  "tsnr": 85.6662826538086
}