{
  "aor": 0.003446172839506173,
  "aqi": 0.005329858209876544,
  "bids_meta": {
    "AcquisitionNumber": 7,
    "BidsifyVersion": "0.3.5",
    "ConversionSoftware": "dcm2niix",
    "ConversionSoftwareVersion": "v1.0.20181125  GCC6.3.0",
    "EchoTime": 0.02762,
    "EffectiveEchoSpacing": 0.0006621159151938905,
    "ImageComments": "piop",
    "ImageOrientationPatientDICOM": [
      0.997277,
      -0.0710129,
      -0.0198847,
      0.0608214,
      0.944527,
      -0.322753
    ],
    "Manufacturer": "Philips",
    "NumberOfVolumesDiscardedByScanner": 2,
    "ParallelAcquisitionTechnique": "SENSE",
    "ParallelReductionFactorInPlane": 2,
    "PatientPosition": "HFS",
    "PhaseEncodingDirection": "j",
    "PhilipsRescaleIntercept": 0,
    "PhilipsRescaleSlope": 0.76777,
    "PhilipsScaleSlope": 0.0583683,
    "ProtocolName": "WIPpiopwmSENSE",
    "PulseSequenceType": "gradient echo EPI",
    "ReconMatrixPE": 80,
    "RepetitionTime": 2,
    "SeriesDescription": "ImageMRSERIES",
    "SeriesNumber": 7,
    "SliceEncodingDirection": "k",
    "SliceTiming": [
      0.0,
      0.0541,
      0.1081,
      0.1622,
      0.2162,
      0.2703,
      0.3243,
      0.3784,
      0.4324,
      0.4865,
      0.5405,
      0.5946,
      0.6486,
      0.7027,
      0.7568,
      0.8108,
      0.8649,
      0.9189,
      0.973,
      1.027,
      1.0811,
      1.1351,
      1.1892,
      1.2432,
      1.2973,
      1.3514,
      1.4054,
      1.4595,
      1.5135,
      1.5676,
      1.6216,
      1.6757,
      1.7297,
      1.7838,
      1.8378,
      1.8919,
      1.9459
    ],
    "TaskName": "workingmemory",
    "TotalReadoutTime": 0.025822520692561732,
    "UsePhilipsFloatNotDisplayScaling": 1,
    "acq_id": "seq",
    "dataset": "ds002785",
    "modality": "bold",
    "subject_id": "0022",
    "task_id": "workingmemory"
  },
  "dummy_trs": 0,
  "dvars_nstd": 19.194183290186327,
  "dvars_std": 1.2383972659006215,
  "dvars_vstd": 1.0206001571428571,
  "efc": 0.4441312813815647,
  "fber": 129694.5703125,
  "fd_mean": 0.11236101367510164,
  "fd_num": 11,
  "fd_perc": 6.790123456790123,
  "fwhm_avg": 1.9250212206225459,
  "fwhm_x": 1.8998,
  "fwhm_y": 2.1102333333333334,
  "fwhm_z": 1.7650303285343045,
  "gcor": 0.0364223,
  "gsr_x": -0.010194760747253895,
  "gsr_y": 0.017300276085734367,
  "provenance": {
    "md5sum": "0a31bd2e2482d7dd0cca33625c3767f0",
    "settings": {
      "fd_thres": 0.2,
      "testing": false
    },
    "software": "mriqc",
    "version": "22.0.0rc1",
    "webapi_port": null,
    "webapi_url": "https://mriqc.nimh.nih.gov/api/v1"
  },
  "size_t": 162,
  "size_x": 80,
  "size_y": 80,
  "size_z": 37,
  "snr": 6.393076098368502,
  "spacing_tr": 2.0,
  "spacing_x": 3.0,
  "spacing_y": 3.0,
  "spacing_z": 3.299999952316284,
  "summary_bg_k": 28.99559588398594,
  "summary_bg_mad": 80.40225781781791,
  "summary_bg_mean": 878.1240234375,
  "summary_bg_median": 68.75784301757812,
  "summary_bg_n": 160490.0,
  "summary_bg_p05": 6.8432352304458615,
  "summary_bg_p95": 4925.351562499994,
  "summary_bg_stdv": 2195.112060546875,
  "summary_fg_k": 3.1988299116908063,
  "summary_fg_mad": 3467.973092263439,
  "summary_fg_mean": 25529.330078125,
  "summary_fg_median": 25241.91015625,
  "summary_fg_n": 34604.0,
  "summary_fg_p05": 19978.848046875,
  "summary_fg_p95": 31764.39228515625,
  "summary_fg_stdv": 3948.262939453125,
  "tsnr": 83.03047943115234
}