{
  "aor": 0.00351,
  "aqi": 0.00480716325925926,
  "bids_meta": {
    "AcquisitionNumber": 5,
    "BidsifyVersion": "0.3.5",
    "ConversionSoftware": "dcm2niix",
    "ConversionSoftwareVersion": "v1.0.20181125  GCC6.3.0",
    "EchoTime": 0.02762,
    "EffectiveEchoSpacing": 0.0006621159151938905,
    "ImageComments": "piop",
    "ImageOrientationPatientDICOM": [
      0.997277,
      -0.0710129,
      -0.0198847,
      0.0608214,
      0.944527,
      -0.322753
    ],
    "Manufacturer": "Philips",
    "NumberOfVolumesDiscardedByScanner": 2,
    "ParallelAcquisitionTechnique": "SENSE",
    "ParallelReductionFactorInPlane": 2,
    "PatientPosition": "HFS",
    "PhaseEncodingDirection": "j",
    "PhilipsRescaleIntercept": 0,
    "PhilipsRescaleSlope": 0.73553,
    "PhilipsScaleSlope": 0.0566271,
    "ProtocolName": "WIPpiopharririSENSE",
    "PulseSequenceType": "gradient echo EPI",
    "ReconMatrixPE": 80,
    "RepetitionTime": 2,
    "SeriesDescription": "ImageMRSERIES",
    "SeriesNumber": 5,
    "SliceEncodingDirection": "k",
    "SliceTiming": [
      0.0,
      0.0541,
      0.1081,
      0.1622,
      0.2162,
      0.2703,
      0.3243,
      0.3784,
      0.4324,
      0.4865,
      0.5405,
      0.5946,
      0.6486,
      0.7027,
      0.7568,
      0.8108,
      0.8649,
      0.9189,
      0.973,
      1.027,
      1.0811,
      1.1351,
      1.1892,
      1.2432,
      1.2973,
      1.3514,
      1.4054,
      1.4595,
      1.5135,
      1.5676,
      1.6216,
      1.6757,
      1.7297,
      1.7838,
      1.8378,
      1.8919,
      1.9459
    ],
    "TaskName": "emomatching",
    "TotalReadoutTime": 0.025822520692561732,
    "UsePhilipsFloatNotDisplayScaling": 1,
    "acq_id": "seq",
    "dataset": "ds002785",
    "modality": "bold",
    "subject_id": "0022",
    "task_id": "emomatching"
  },
  "dummy_trs": 0,
  "dvars_nstd": 17.941015129626862,
  "dvars_std": 1.201627420074627,
  "dvars_vstd": 1.0138428952985072,
  "efc": 0.44349323162438115,
  "fber": 146037.3125,
  "fd_mean": 0.09956447788555225,
  "fd_num": 3,
  "fd_perc": 2.2222222222222223,
  "fwhm_avg": 1.9250124327132385,
  "fwhm_x": 1.89598,
  "fwhm_y": 2.120363333333333,
  "fwhm_z": 1.7586939648063826,
  "gcor": 0.0310327,
  "gsr_x": -0.011055126786231995,
  "gsr_y": 0.017941243946552277,
  "provenance": {
    "md5sum": "682224de90b5cd3ea7d3eaeca55dd5a0",
    "settings": {
      "fd_thres": 0.2,
      "testing": false
    },
    "software": "mriqc",
    "version": "22.0.0rc1",
    "webapi_port": null,
    "webapi_url": "https://mriqc.nimh.nih.gov/api/v1"
  },
  "size_t": 135,
  "size_x": 80,
  "size_y": 80,
  "size_z": 37,
  "snr": 6.389366511352157,
  "spacing_tr": 2.0,
  "spacing_x": 3.0,
  "spacing_y": 3.0,
  "spacing_z": 3.299999952316284,
  "summary_bg_k": 30.084207280763096,
  "summary_bg_mad": 74.35236495620099,
  "summary_bg_mean": 896.2618408203125,
  "summary_bg_median": 66.90715789794922,
  "summary_bg_n": 160601.0,
  "summary_bg_p05": 8.701478004455566,
  "summary_bg_p95": 5074.5185546875,
  "summary_bg_stdv": 2231.023193359375,
  "summary_fg_k": 3.1874311268764517,
  "summary_fg_mad": 3595.5811285234095,
  "summary_fg_mean": 26448.310546875,
  "summary_fg_median": 26156.833984375,
  "summary_fg_n": 34520.0,
  "summary_fg_p05": 20684.25712890625,
  "summary_fg_p95": 32922.51113281249,
  "summary_fg_stdv": 4093.747802734375,
  "tsnr": 86.10462188720703
}