{
  "aor": 0.0036755151515151514,
  "aqi": 0.016459331424242423,
  "bids_meta": {
    "AcquisitionNumber": 2,
    "BidsifyVersion": "0.3.5",
    "ConversionSoftware": "dcm2niix",
    "ConversionSoftwareVersion": "v1.0.20181125  GCC6.3.0",
    "EchoTime": 0.02762,
    "EffectiveEchoSpacing": 0.0006333282667071997,
    "ImageComments": "Piop",
    "ImageOrientationPatientDICOM": [
      0.999884,
      0.000374214,
      -0.0151962,
      -0.00331575,
      0.980993,
      -0.194014
    ],
    "Manufacturer": "Philips",
    "NumberOfVolumesDiscardedByScanner": 2,
    "ParallelAcquisitionTechnique": "SENSE",
    "ParallelReductionFactorInPlane": 2,
    "PatientPosition": "HFS",
    "PhaseEncodingDirection": "j",
    "PhilipsRescaleIntercept": 0,
    "PhilipsRescaleSlope": 0.74432,
    "PhilipsScaleSlope": 0.116913,
    "ProtocolName": "WIPpiopfacesSENSE",
    "PulseSequenceType": "gradient echo EPI",
    "ReconMatrixPE": 80,
    "RepetitionTime": 0.75,
    "SeriesDescription": "ImageMRSERIES",
    "SeriesNumber": 2,
    "SliceEncodingDirection": "k",
    "SliceTiming": [
      0.0,
      0.06755050505050506,
      0.1351010101010101,
      0.20265151515151517,
      0.2702020202020202,
      0.3377525252525253,
      0.40530303030303033,
      0.47285353535353536,
      0.5404040404040404,
      0.6079545454545455,
      0.6755050505050506,
      0.7430555555555556,
      0.0,
      0.06755050505050506,
      0.1351010101010101,
      0.20265151515151517,
      0.2702020202020202,
      0.3377525252525253,
      0.40530303030303033,
      0.47285353535353536,
      0.5404040404040404,
      0.6079545454545455,
      0.6755050505050506,
      0.7430555555555556,
      0.0,
      0.06755050505050506,
      0.1351010101010101,
      0.20265151515151517,
      0.2702020202020202,
      0.3377525252525253,
      0.40530303030303033,
      0.47285353535353536,
      0.5404040404040404,
      0.6079545454545455,
      0.6755050505050506,
      0.7430555555555556
    ],
    "TaskName": "faces",
    "TotalReadoutTime": 0.024699802401580786,
    "UsePhilipsFloatNotDisplayScaling": 1,
    "acq_id": "mb3",
    "dataset": "ds002785",
    "modality": "bold",
    "subject_id": "0006",
    "task_id": "faces"
  },
  "dummy_trs": 0,
  "dvars_nstd": 30.147185804012157,
  "dvars_std": 1.0852421722796353,
  "dvars_vstd": 1.0163507556534948,
  "efc": 0.44722858903869084,
  "fber": 107802.2265625,
  "fd_mean": 0.17468720361875797,
  "fd_num": 44,
  "fd_perc": 13.333333333333334,
  "fwhm_avg": 1.9377155641296335,
  "fwhm_x": 1.9341466666666667,
  "fwhm_y": 2.0988666666666664,
  "fwhm_z": 1.7801333590555677,
  "gcor": 0.0171271,
  "gsr_x": -0.00804987270385027,
  "gsr_y": 0.019250625744462013,
  "provenance": {
    "md5sum": "662fdfe8bab5f9fe9f6e943e7ea3f93a",
    "settings": {
      "fd_thres": 0.2,
      "testing": false
    },
    "software": "mriqc",
    "version": "22.0.0rc1",
    "webapi_port": null,
    "webapi_url": "https://mriqc.nimh.nih.gov/api/v1"
  },
  "size_t": 330,
  "size_x": 80,
  "size_y": 80,
  "size_z": 36,
  "snr": 6.498421654691454,
  "spacing_tr": 0.75,
  "spacing_x": 3.0,
  "spacing_y": 3.0,
  "spacing_z": 3.299999952316284,
  "summary_bg_k": 36.42550516886336,
  "summary_bg_mad": 54.96601921714465,
  "summary_bg_mean": 431.3670654296875,
  "summary_bg_median": 48.26934814453125,
  "summary_bg_n": 152327.0,
  "summary_bg_p05": 4.6483986377716064,
  "summary_bg_p95": 2210.1531494140627,
  "summary_bg_stdv": 1086.76220703125,
  "summary_fg_k": 1.4664575157142057,
  "summary_fg_mad": 2271.8772371422638,
  "summary_fg_mean": 16302.251953125,
  "summary_fg_median": 16136.68359375,
  "summary_fg_n": 36854.0,
  "summary_fg_p05": 12632.747265625,
  "summary_fg_p95": 20496.66796875,
  "summary_fg_stdv": 2483.135986328125,
  "tsnr": 42.359375
}