{
  "aor": 0.0026294444444444442,
  "aqi": 0.018813291975308642,
  "bids_meta": {
    "AcquisitionNumber": 8,
    "BidsifyVersion": "0.3.5",
    "ConversionSoftware": "dcm2niix",
    "ConversionSoftwareVersion": "v1.0.20181125  GCC6.3.0",
    "EchoTime": 0.02762,
    "EffectiveEchoSpacing": 0.0006621159151938905,
    "ImageComments": "Piop",
    "ImageOrientationPatientDICOM": [
      0.999884,
      0.000374214,
      -0.0151962,
      -0.00331575,
      0.980993,
      -0.194014
    ],
    "Manufacturer": "Philips",
    "NumberOfVolumesDiscardedByScanner": 2,
    "ParallelAcquisitionTechnique": "SENSE",
    "ParallelReductionFactorInPlane": 2,
    "PatientPosition": "HFS",
    "PhaseEncodingDirection": "j",
    "PhilipsRescaleIntercept": 0,
    "PhilipsRescaleSlope": 0.79878,
    "PhilipsScaleSlope": 0.0665339,
    "ProtocolName": "WIPpiopwmSENSE",
    "PulseSequenceType": "gradient echo EPI",
    "ReconMatrixPE": 80,
    "RepetitionTime": 2,
    "SeriesDescription": "ImageMRSERIES",
    "SeriesNumber": 8,
    "SliceEncodingDirection": "k",
    "SliceTiming": [
      0.0,
      0.0541,
      0.1081,
      0.1622,
      0.2162,
      0.2703,
      0.3243,
      0.3784,
      0.4324,
      0.4865,
      0.5405,
      0.5946,
      0.6486,
      0.7027,
      0.7568,
      0.8108,
      0.8649,
      0.9189,
      0.973,
      1.027,
      1.0811,
      1.1351,
      1.1892,
      1.2432,
      1.2973,
      1.3514,
      1.4054,
      1.4595,
      1.5135,
      1.5676,
      1.6216,
      1.6757,
      1.7297,
      1.7838,
      1.8378,
      1.8919,
      1.9459
    ],
    "TaskName": "workingmemory",
    "TotalReadoutTime": 0.025822520692561732,
    "UsePhilipsFloatNotDisplayScaling": 1,
    "acq_id": "seq",
    "dataset": "ds002785",
    "modality": "bold",
    "subject_id": "0006",
    "task_id": "workingmemory"
  },
  "dummy_trs": 0,
  "dvars_nstd": 28.272497295465836,
  "dvars_std": 1.011560220372671,
  "dvars_vstd": 0.9247860628571427,
  "efc": 0.44551964165191366,
  "fber": 104049.1484375,
  "fd_mean": 0.3847514356530934,
  "fd_num": 108,
  "fd_perc": 66.66666666666667,
  "fwhm_avg": 1.9577903118557607,
  "fwhm_x": 1.9524233333333332,
  "fwhm_y": 2.088623333333333,
  "fwhm_z": 1.832324268900615,
  "gcor": 0.0086107,
  "gsr_x": -0.00696024252101779,
  "gsr_y": 0.021697480231523514,
  "provenance": {
    "md5sum": "0050394b83e68c9024f42a9918f75f3a",
    "settings": {
      "fd_thres": 0.2,
      "testing": false
    },
    "software": "mriqc",
    "version": "22.0.0rc1",
    "webapi_port": null,
    "webapi_url": "https://mriqc.nimh.nih.gov/api/v1"
  },
  "size_t": 162,
  "size_x": 80,
  "size_y": 80,
  "size_z": 37,
  "snr": 5.549515886541969,
  "spacing_tr": 2.0,
  "spacing_x": 3.0,
  "spacing_y": 3.0,
  "spacing_z": 3.299999952316284,
  "summary_bg_k": 46.72556341032537,
  "summary_bg_mad": 70.09242014986245,
  "summary_bg_mean": 599.281982421875,
  "summary_bg_median": 65.46546936035156,
  "summary_bg_n": 156764.0,
  "summary_bg_p05": 8.464406347274782,
  "summary_bg_p95": 3109.6224487304694,
  "summary_bg_stdv": 1558.4327392578125,
  "summary_fg_k": 2.0904599161675375,
  "summary_fg_mad": 3424.926953046261,
  "summary_fg_mean": 21985.69140625,
  "summary_fg_median": 21455.431640625,
  "summary_fg_n": 37983.0,
  "summary_fg_p05": 16762.590234375,
  "summary_fg_p95": 28736.073437500003,
  "summary_fg_stdv": 3866.1298828125,
  "tsnr": 40.609375
}