{
  "aor": 0.004064272727272727,
  "aqi": 0.02152223906060606,
  "bids_meta": {
    "AcquisitionNumber": 2,
    "BidsifyVersion": "0.3.5",
    "ConversionSoftware": "dcm2niix",
    "ConversionSoftwareVersion": "v1.0.20181125  GCC6.3.0",
    "EchoTime": 0.02762,
    "EffectiveEchoSpacing": 0.0006333282667071997,
    "ImageComments": "piop",
    "ImageOrientationPatientDICOM": [
      0.998889,
      0.0282253,
      0.0377479,
      -0.0202261,
      0.980073,
      -0.197607
    ],
    "Manufacturer": "Philips",
    "NumberOfVolumesDiscardedByScanner": 2,
    "ParallelAcquisitionTechnique": "SENSE",
    "ParallelReductionFactorInPlane": 2,
    "PatientPosition": "HFS",
    "PhaseEncodingDirection": "j",
    "PhilipsRescaleIntercept": 0,
    "PhilipsRescaleSlope": 0.79707,
    "PhilipsScaleSlope": 0.102408,
    "ProtocolName": "WIPpiopfacesSENSE",
    "PulseSequenceType": "gradient echo EPI",
    "ReconMatrixPE": 80,
    "RepetitionTime": 0.75,
    "SeriesDescription": "ImageMRSERIES",
    "SeriesNumber": 2,
    "SliceEncodingDirection": "k",
    "SliceTiming": [
      0.0,
      0.06755050505050506,
      0.1351010101010101,
      0.20265151515151517,
      0.2702020202020202,
      0.3377525252525253,
      0.40530303030303033,
      0.47285353535353536,
      0.5404040404040404,
      0.6079545454545455,
      0.6755050505050506,
      0.7430555555555556,
      0.0,
      0.06755050505050506,
      0.1351010101010101,
      0.20265151515151517,
      0.2702020202020202,
      0.3377525252525253,
      0.40530303030303033,
      0.47285353535353536,
      0.5404040404040404,
      0.6079545454545455,
      0.6755050505050506,
      0.7430555555555556,
      0.0,
      0.06755050505050506,
      0.1351010101010101,
      0.20265151515151517,
      0.2702020202020202,
      0.3377525252525253,
      0.40530303030303033,
      0.47285353535353536,
      0.5404040404040404,
      0.6079545454545455,
      0.6755050505050506,
      0.7430555555555556
    ],
    "TaskName": "faces",
    "TotalReadoutTime": 0.024699802401580786,
    "UsePhilipsFloatNotDisplayScaling": 1,
    "acq_id": "mb3",
    "dataset": "ds002785",
    "modality": "bold",
    "subject_id": "0013",
    "task_id": "faces"
  },
  "dummy_trs": 0,
  "dvars_nstd": 31.43945039462007,
  "dvars_std": 1.166754666656535,
  "dvars_vstd": 1.0333276159270512,
  "efc": 0.41085107422638373,
  "fber": 176873.4375,
  "fd_mean": 0.2306019006586744,
  "fd_num": 148,
  "fd_perc": 44.84848484848485,
  "fwhm_avg": 1.8514510185892077,
  "fwhm_x": 1.8478033333333332,
  "fwhm_y": 1.9442466666666667,
  "fwhm_z": 1.7623030557676236,
  "gcor": 0.0291581,
  "gsr_x": -0.017926732078194618,
  "gsr_y": 0.004888676572591066,
  "provenance": {
    "md5sum": "02a886f28f667da4ff9f4b74b1db57f6",
    "settings": {
      "fd_thres": 0.2,
      "testing": false
    },
    "software": "mriqc",
    "version": "22.0.0rc1",
    "webapi_port": null,
    "webapi_url": "https://mriqc.nimh.nih.gov/api/v1"
  },
  "size_t": 330,
  "size_x": 80,
  "size_y": 80,
  "size_z": 36,
  "snr": 6.7807267143027,
  "spacing_tr": 0.75,
  "spacing_x": 3.0,
  "spacing_y": 3.0,
  "spacing_z": 3.299999952316284,
  "summary_bg_k": 65.3850278076799,
  "summary_bg_mad": 45.17513601578356,
  "summary_bg_mean": 417.89996337890625,
  "summary_bg_median": 40.92146301269531,
  "summary_bg_n": 159663.0,
  "summary_bg_p05": 3.2353642225265506,
  "summary_bg_p95": 2116.8510009765614,
  "summary_bg_stdv": 1352.56591796875,
  "summary_fg_k": 0.53235552280848,
  "summary_fg_mad": 2517.0328980261834,
  "summary_fg_mean": 17486.708984375,
  "summary_fg_median": 17397.236328125,
  "summary_fg_n": 31023.0,
  "summary_fg_p05": 13480.37041015625,
  "summary_fg_p95": 21766.606640625,
  "summary_fg_stdv": 2565.647705078125,
  "tsnr": 36.425193786621094
}