{
  "aor": 0.003268456790123457,
  "aqi": 0.008144014938271604,
  "bids_meta": {
    "AcquisitionNumber": 8,
    "BidsifyVersion": "0.3.5",
    "ConversionSoftware": "dcm2niix",
    "ConversionSoftwareVersion": "v1.0.20181125  GCC6.3.0",
    "EchoTime": 0.02762,
    "EffectiveEchoSpacing": 0.0006621159151938905,
    "ImageComments": "piop",
    "ImageOrientationPatientDICOM": [
      0.998889,
      0.0282253,
      0.0377479,
      -0.0202261,
      0.980073,
      -0.197607
    ],
    "Manufacturer": "Philips",
    "NumberOfVolumesDiscardedByScanner": 2,
    "ParallelAcquisitionTechnique": "SENSE",
    "ParallelReductionFactorInPlane": 2,
    "PatientPosition": "HFS",
    "PhaseEncodingDirection": "j",
    "PhilipsRescaleIntercept": 0,
    "PhilipsRescaleSlope": 0.82979,
    "PhilipsScaleSlope": 0.0614326,
    "ProtocolName": "WIPpiopwmSENSE",
    "PulseSequenceType": "gradient echo EPI",
    "ReconMatrixPE": 80,
    "RepetitionTime": 2,
    "SeriesDescription": "ImageMRSERIES",
    "SeriesNumber": 8,
    "SliceEncodingDirection": "k",
    "SliceTiming": [
      0.0,
      0.0541,
      0.1081,
      0.1622,
      0.2162,
      0.2703,
      0.3243,
      0.3784,
      0.4324,
      0.4865,
      0.5405,
      0.5946,
      0.6486,
      0.7027,
      0.7568,
      0.8108,
      0.8649,
      0.9189,
      0.973,
      1.027,
      1.0811,
      1.1351,
      1.1892,
      1.2432,
      1.2973,
      1.3514,
      1.4054,
      1.4595,
      1.5135,
      1.5676,
      1.6216,
      1.6757,
      1.7297,
      1.7838,
      1.8378,
      1.8919,
      1.9459
    ],
    "TaskName": "workingmemory",
    "TotalReadoutTime": 0.025822520692561732,
    "UsePhilipsFloatNotDisplayScaling": 1,
    "acq_id": "seq",
    "dataset": "ds002785",
    "modality": "bold",
    "subject_id": "0013",
    "task_id": "workingmemory"
  },
  "dummy_trs": 0,
  "dvars_nstd": 22.515190935776385,
  "dvars_std": 1.205521215031056,
  "dvars_vstd": 0.9960439731677028,
  "efc": 0.40466248343638894,
  "fber": 191115.28125,
  "fd_mean": 0.15361096760466933,
  "fd_num": 25,
  "fd_perc": 15.432098765432098,
  "fwhm_avg": 1.7256772807545866,
  "fwhm_x": 1.7058833333333334,
  "fwhm_y": 1.8045333333333333,
  "fwhm_z": 1.6666151755970924,
  "gcor": 0.0522917,
  "gsr_x": -0.016579924151301384,
  "gsr_y": 0.007585597690194845,
  "provenance": {
    "md5sum": "57540ee755759fed038127a6ecc9235f",
    "settings": {
      "fd_thres": 0.2,
      "testing": false
    },
    "software": "mriqc",
    "version": "22.0.0rc1",
    "webapi_port": null,
    "webapi_url": "https://mriqc.nimh.nih.gov/api/v1"
  },
  "size_t": 162,
  "size_x": 80,
  "size_y": 80,
  "size_z": 37,
  "snr": 5.6593276029509205,
  "spacing_tr": 2.0,
  "spacing_x": 3.0,
  "spacing_y": 3.0,
  "spacing_z": 3.299999952316284,
  "summary_bg_k": 88.41182452773734,
  "summary_bg_mad": 58.084978933362294,
  "summary_bg_mean": 580.9650268554688,
  "summary_bg_median": 55.62308120727539,
  "summary_bg_n": 165156.0,
  "summary_bg_p05": 4.1495243310928345,
  "summary_bg_p95": 3043.1356811523438,
  "summary_bg_stdv": 1957.471435546875,
  "summary_fg_k": 0.9418511206507705,
  "summary_fg_mad": 4215.9936906725725,
  "summary_fg_mean": 25053.08984375,
  "summary_fg_median": 24608.169921875,
  "summary_fg_n": 31687.0,
  "summary_fg_p05": 18784.28515625,
  "summary_fg_p95": 32475.22578125,
  "summary_fg_stdv": 4348.18115234375,
  "tsnr": 64.97676086425781
}