{
  "bids_meta": {
    "AcquisitionNumber": 4,
    "BidsifyVersion": "0.3.5",
    "ConversionSoftware": "dcm2niix",
    "ConversionSoftwareVersion": "v1.0.20181125  GCC6.3.0",
    "EchoTime": 0.00375,
    "ImageComments": "piop",
    "ImageOrientationPatientDICOM": [
      0.99728,
      0.0621419,
      0.039633,
      -0.0634426,
      0.997458,
      0.0324488
    ],
    "Manufacturer": "Philips",
    "PatientPosition": "HFS",
    "PhilipsRescaleIntercept": 0,
    "PhilipsRescaleSlope": 8.86764,
    "PhilipsScaleSlope": 0.00731392,
    "ProtocolName": "WIPt13dSENSE",
    "ReconMatrixPE": 240,
    "RepetitionTime": 0.008176,
    "SeriesDescription": "ImageMRSERIES",
    "SeriesNumber": 4,
    "UsePhilipsFloatNotDisplayScaling": 1,
    "dataset": "ds002785",
    "modality": "T1w",
    "subject_id": "0103"
  },
  "cjv": 0.3152286352862201,
  "cnr": 3.8798600681694584,
  "efc": 0.7607316183864637,
  "fber": 1187.26953125,
  "fwhm_avg": 3.400289865524387,
  "fwhm_x": 3.384189596573162,
  "fwhm_y": 3.52778,
  "fwhm_z": 3.2889,
  "icvs_csf": 0.20260695409540205,
  "icvs_gm": 0.42860941482969267,
  "icvs_wm": 0.3687836310749053,
  "inu_med": 0.8721396327018738,
  "inu_range": 0.2908419251441955,
  "provenance": {
    "md5sum": "58faa04b243d65cb79f5eaa7a9afee35",
    "settings": {
      "testing": false
    },
    "software": "mriqc",
    "version": "22.0.0rc1",
    "warnings": {
      "large_rot_frame": true,
      "small_air_mask": true
    },
    "webapi_port": null,
    "webapi_url": "https://mriqc.nimh.nih.gov/api/v1"
  },
  "qi_1": 0.0,
  "qi_2": 0.00019223676386594913,
  "rpve_csf": 31.704549750848777,
  "rpve_gm": 16.20154242177561,
  "rpve_wm": 23.993733282093626,
  "size_x": 240,
  "size_y": 240,
  "size_z": 220,
  "snr_csf": 1.9291975900488012,
  "snr_gm": 7.318769741692369,
  "snr_total": 9.891416727438527,
  "snr_wm": 20.42628285057441,
  "snrd_csf": 18.18504342084149,
  "snrd_gm": 36.22970334708877,
  "snrd_total": 37.73569888458273,
  "snrd_wm": 58.792349885817934,
  "spacing_x": 1.0000001192092896,
  "spacing_y": 1.0,
  "spacing_z": 1.0,
  "summary_bg_k": 177.13052025128866,
  "summary_bg_mad": 11.143090921237105,
  "summary_bg_mean": 19.10028648376465,
  "summary_bg_median": 14.985869407653809,
  "summary_bg_n": 157874.0,
  "summary_bg_p05": 0.0,
  "summary_bg_p95": 44.87013473510743,
  "summary_bg_stdv": 17.265920639038086,
  "summary_csf_k": 16.44151129199656,
  "summary_csf_mad": 173.3825200931793,
  "summary_csf_mean": 302.0722351074219,
  "summary_csf_median": 309.30596923828125,
  "summary_csf_n": 4723.0,
  "summary_csf_p05": 93.08480606079101,
  "summary_csf_p95": 496.2431457519531,
  "summary_csf_stdv": 160.3118438720703,
  "summary_gm_k": 0.5301965826589958,
  "summary_gm_mad": 76.98726927776397,
  "summary_gm_mean": 621.9307861328125,
  "summary_gm_median": 616.2241821289062,
  "summary_gm_n": 13839.0,
  "summary_gm_p05": 494.6,
  "summary_gm_p95": 774.5780883789062,
  "summary_gm_stdv": 84.19474029541016,
  "summary_wm_k": 1.1518529540826394,
  "summary_wm_mad": 43.986067759879056,
  "summary_wm_mean": 997.9246215820312,
  "summary_wm_median": 999.9879760742188,
  "summary_wm_n": 167985.0,
  "summary_wm_p05": 914.0752075195312,
  "summary_wm_p95": 1073.06806640625,
  "summary_wm_stdv": 48.9557991027832,
  "tpm_overlap_csf": 0.1757926195859909,
  "tpm_overlap_gm": 0.45239636301994324,
  "tpm_overlap_wm": 0.5154187083244324,
  "wm2max": 0.6288039144027624
}