{
  "aor": 0.005206111111111111,
  "aqi": 0.005380060987654321,
  "bids_meta": {
    "AcquisitionNumber": 8,
    "BidsifyVersion": "0.3.5",
    "ConversionSoftware": "dcm2niix",
    "ConversionSoftwareVersion": "v1.0.20181125  GCC6.3.0",
    "EchoTime": 0.02762,
    "EffectiveEchoSpacing": 0.0006621159151938905,
    "ImageComments": "Piop",
    "ImageOrientationPatientDICOM": [
      0.998886,
      0.0340276,
      0.0326986,
      -0.0272035,
      0.981363,
      -0.190228
    ],
    "Manufacturer": "Philips",
    "NumberOfVolumesDiscardedByScanner": 2,
    "ParallelAcquisitionTechnique": "SENSE",
    "ParallelReductionFactorInPlane": 2,
    "PatientPosition": "HFS",
    "PhaseEncodingDirection": "j",
    "PhilipsRescaleIntercept": 0,
    "PhilipsRescaleSlope": 0.83541,
    "PhilipsScaleSlope": 0.0541436,
    "ProtocolName": "WIPpiopwmSENSE",
    "PulseSequenceType": "gradient echo EPI",
    "ReconMatrixPE": 80,
    "RepetitionTime": 2,
    "SeriesDescription": "ImageMRSERIES",
    "SeriesNumber": 8,
    "SliceEncodingDirection": "k",
    "SliceTiming": [
      0.0,
      0.0541,
      0.1081,
      0.1622,
      0.2162,
      0.2703,
      0.3243,
      0.3784,
      0.4324,
      0.4865,
      0.5405,
      0.5946,
      0.6486,
      0.7027,
      0.7568,
      0.8108,
      0.8649,
      0.9189,
      0.973,
      1.027,
      1.0811,
      1.1351,
      1.1892,
      1.2432,
      1.2973,
      1.3514,
      1.4054,
      1.4595,
      1.5135,
      1.5676,
      1.6216,
      1.6757,
      1.7297,
      1.7838,
      1.8378,
      1.8919,
      1.9459
    ],
    "TaskName": "workingmemory",
    "TotalReadoutTime": 0.025822520692561732,
    "UsePhilipsFloatNotDisplayScaling": 1,
    "acq_id": "seq",
    "dataset": "ds002785",
    "modality": "bold",
    "subject_id": "0044",
    "task_id": "workingmemory"
  },
  "dummy_trs": 0,
  "dvars_nstd": 21.696420255031065,
  "dvars_std": 1.240801469068323,
  "dvars_vstd": 1.0346467678881985,
  "efc": 0.4440879825417711,
  "fber": 133155.765625,
  "fd_mean": 0.14349587222349316,
  "fd_num": 15,
  "fd_perc": 9.25925925925926,
  "fwhm_avg": 1.7894211190999798,
  "fwhm_x": 1.7302533333333334,
  "fwhm_y": 1.9793766666666668,
  "fwhm_z": 1.6586333572999399,
  "gcor": 0.013685,
  "gsr_x": -0.0252552293241024,
  "gsr_y": 0.02604273334145546,
  "provenance": {
    "md5sum": "ee51c89d76885fde2d07fa3872d9ca98",
    "settings": {
      "fd_thres": 0.2,
      "testing": false
    },
    "software": "mriqc",
    "version": "22.0.0rc1",
    "webapi_port": null,
    "webapi_url": "https://mriqc.nimh.nih.gov/api/v1"
  },
  "size_t": 162,
  "size_x": 80,
  "size_y": 80,
  "size_z": 37,
  "snr": 6.024122067210383,
  "spacing_tr": 2.0,
  "spacing_x": 3.0,
  "spacing_y": 3.0,
  "spacing_z": 3.299999952316284,
  "summary_bg_k": 36.43817859092935,
  "summary_bg_mad": 78.74198316214391,
  "summary_bg_mean": 852.00244140625,
  "summary_bg_median": 72.27351379394531,
  "summary_bg_n": 158339.0,
  "summary_bg_p05": 7.492374849319458,
  "summary_bg_p95": 5350.588330078125,
  "summary_bg_stdv": 2330.955810546875,
  "summary_fg_k": 1.8115732131662856,
  "summary_fg_mad": 4204.321093909299,
  "summary_fg_mean": 27456.779296875,
  "summary_fg_median": 27072.80859375,
  "summary_fg_n": 36135.0,
  "summary_fg_p05": 20884.387890625,
  "summary_fg_p95": 34897.049999999996,
  "summary_fg_stdv": 4494.0048828125,
  "tsnr": 74.05541229248047
}