{
  "aor": 0.0015297708333333335,
  "aqi": 0.0220157196875,
  "bids_meta": {
    "AcquisitionNumber": 6,
    "BidsifyVersion": "0.3.5",
    "ConversionSoftware": "dcm2niix",
    "ConversionSoftwareVersion": "v1.0.20181125  GCC6.3.0",
    "EchoTime": 0.02762,
    "EffectiveEchoSpacing": 0.0006333282667071997,
    "ImageComments": "Piop",
    "ImageOrientationPatientDICOM": [
      0.998886,
      0.0340276,
      0.0326986,
      -0.0272035,
      0.981363,
      -0.190228
    ],
    "Manufacturer": "Philips",
    "NumberOfVolumesDiscardedByScanner": 2,
    "ParallelAcquisitionTechnique": "SENSE",
    "ParallelReductionFactorInPlane": 2,
    "PatientPosition": "HFS",
    "PhaseEncodingDirection": "j",
    "PhilipsRescaleIntercept": 0,
    "PhilipsRescaleSlope": 0.82979,
    "PhilipsScaleSlope": 0.0854697,
    "ProtocolName": "WIPpioprsSENSE",
    "PulseSequenceType": "gradient echo EPI",
    "ReconMatrixPE": 80,
    "RepetitionTime": 0.75,
    "SeriesDescription": "ImageMRSERIES",
    "SeriesNumber": 6,
    "SliceEncodingDirection": "k",
    "SliceTiming": [
      0.0,
      0.06755050505050506,
      0.1351010101010101,
      0.20265151515151517,
      0.2702020202020202,
      0.3377525252525253,
      0.40530303030303033,
      0.47285353535353536,
      0.5404040404040404,
      0.6079545454545455,
      0.6755050505050506,
      0.7430555555555556,
      0.0,
      0.06755050505050506,
      0.1351010101010101,
      0.20265151515151517,
      0.2702020202020202,
      0.3377525252525253,
      0.40530303030303033,
      0.47285353535353536,
      0.5404040404040404,
      0.6079545454545455,
      0.6755050505050506,
      0.7430555555555556,
      0.0,
      0.06755050505050506,
      0.1351010101010101,
      0.20265151515151517,
      0.2702020202020202,
      0.3377525252525253,
      0.40530303030303033,
      0.47285353535353536,
      0.5404040404040404,
      0.6079545454545455,
      0.6755050505050506,
      0.7430555555555556
    ],
    "TaskName": "restingstate",
    "TotalReadoutTime": 0.024699802401580786,
    "UsePhilipsFloatNotDisplayScaling": 1,
    "acq_id": "mb3",
    "dataset": "ds002785",
    "modality": "bold",
    "subject_id": "0044",
    "task_id": "restingstate"
  },
  "dummy_trs": 0,
  "dvars_nstd": 26.78972581534444,
  "dvars_std": 1.0729597014196246,
  "dvars_vstd": 0.9907914284759916,
  "efc": 0.45174117676275466,
  "fber": 147780.28125,
  "fd_mean": 0.09910773701006294,
  "fd_num": 17,
  "fd_perc": 3.5416666666666665,
  "fwhm_avg": 1.774081017833172,
  "fwhm_x": 1.7295,
  "fwhm_y": 1.9874066666666668,
  "fwhm_z": 1.6053363868328496,
  "gcor": 0.0114585,
  "gsr_x": -0.0272601880133152,
  "gsr_y": 0.02494828775525093,
  "provenance": {
    "md5sum": "5a23b9a698a6c971a13cfd6753f211bd",
    "settings": {
      "fd_thres": 0.2,
      "testing": false
    },
    "software": "mriqc",
    "version": "22.0.0rc1",
    "webapi_port": null,
    "webapi_url": "https://mriqc.nimh.nih.gov/api/v1"
  },
  "size_t": 480,
  "size_x": 80,
  "size_y": 80,
  "size_z": 36,
  "snr": 7.254833566985111,
  "spacing_tr": 0.75,
  "spacing_x": 3.0,
  "spacing_y": 3.0,
  "spacing_z": 3.299999952316284,
  "summary_bg_k": 28.360169337499325,
  "summary_bg_mad": 53.373083192106314,
  "summary_bg_mean": 626.5880737304688,
  "summary_bg_median": 49.14347457885742,
  "summary_bg_n": 153135.0,
  "summary_bg_p05": 6.535024738311768,
  "summary_bg_p95": 3826.3640624999975,
  "summary_bg_stdv": 1607.3292236328125,
  "summary_fg_k": 2.0855972849592304,
  "summary_fg_mad": 2472.628672011195,
  "summary_fg_mean": 19517.197265625,
  "summary_fg_median": 19513.06640625,
  "summary_fg_n": 35602.0,
  "summary_fg_p05": 15338.16728515625,
  "summary_fg_p95": 23851.001757812493,
  "summary_fg_stdv": 2689.62646484375,
  "tsnr": 40.69915771484375
}