{
  "aor": 0.000374375,
  "aqi": 0.01306341875,
  "bids_meta": {
    "AcquisitionNumber": 6,
    "BidsifyVersion": "0.3.5",
    "ConversionSoftware": "dcm2niix",
    "ConversionSoftwareVersion": "v1.0.20181125  GCC6.3.0",
    "EchoTime": 0.02762,
    "EffectiveEchoSpacing": 0.0006333282667071997,
    "ImageComments": "piop",
    "ImageOrientationPatientDICOM": [
      0.999569,
      0.0279658,
      0.00898293,
      -0.0256509,
      0.980083,
      -0.196926
    ],
    "Manufacturer": "Philips",
    "NumberOfVolumesDiscardedByScanner": 2,
    "ParallelAcquisitionTechnique": "SENSE",
    "ParallelReductionFactorInPlane": 2,
    "PatientPosition": "HFS",
    "PhaseEncodingDirection": "j",
    "PhilipsRescaleIntercept": 0,
    "PhilipsRescaleSlope": 0.84567,
    "PhilipsScaleSlope": 0.0884195,
    "ProtocolName": "WIPpioprsSENSE",
    "PulseSequenceType": "gradient echo EPI",
    "ReconMatrixPE": 80,
    "RepetitionTime": 0.75,
    "SeriesDescription": "ImageMRSERIES",
    "SeriesNumber": 6,
    "SliceEncodingDirection": "k",
    "SliceTiming": [
      0.0,
      0.06755050505050506,
      0.1351010101010101,
      0.20265151515151517,
      0.2702020202020202,
      0.3377525252525253,
      0.40530303030303033,
      0.47285353535353536,
      0.5404040404040404,
      0.6079545454545455,
      0.6755050505050506,
      0.7430555555555556,
      0.0,
      0.06755050505050506,
      0.1351010101010101,
      0.20265151515151517,
      0.2702020202020202,
      0.3377525252525253,
      0.40530303030303033,
      0.47285353535353536,
      0.5404040404040404,
      0.6079545454545455,
      0.6755050505050506,
      0.7430555555555556,
      0.0,
      0.06755050505050506,
      0.1351010101010101,
      0.20265151515151517,
      0.2702020202020202,
      0.3377525252525253,
      0.40530303030303033,
      0.47285353535353536,
      0.5404040404040404,
      0.6079545454545455,
      0.6755050505050506,
      0.7430555555555556
    ],
    "TaskName": "restingstate",
    "TotalReadoutTime": 0.024699802401580786,
    "UsePhilipsFloatNotDisplayScaling": 1,
    "acq_id": "mb3",
    "dataset": "ds002785",
    "modality": "bold",
    "subject_id": "0168",
    "task_id": "restingstate"
  },
  "dummy_trs": 0,
  "dvars_nstd": 32.054138900334046,
  "dvars_std": 1.1353957078705628,
  "dvars_vstd": 0.9967913456158668,
  "efc": 0.47855002342110114,
  "fber": 142547.796875,
  "fd_mean": 0.10101873968944076,
  "fd_num": 16,
  "fd_perc": 3.3333333333333335,
  "fwhm_avg": 1.775019502990616,
  "fwhm_x": 1.6748566666666667,
  "fwhm_y": 1.98072,
  "fwhm_z": 1.6694818423051812,
  "gcor": 0.0102412,
  "gsr_x": -0.02386035956442356,
  "gsr_y": 0.03174998611211777,
  "provenance": {
    "md5sum": "ca96c1313efa3e1041af0f00c622176f",
    "settings": {
      "fd_thres": 0.2,
      "testing": false
    },
    "software": "mriqc",
    "version": "22.0.0rc1",
    "webapi_port": null,
    "webapi_url": "https://mriqc.nimh.nih.gov/api/v1"
  },
  "size_t": 480,
  "size_x": 80,
  "size_y": 80,
  "size_z": 36,
  "snr": 7.426386287819584,
  "spacing_tr": 0.75,
  "spacing_x": 3.0,
  "spacing_y": 3.0,
  "spacing_z": 3.299999952316284,
  "summary_bg_k": 25.58301105862814,
  "summary_bg_mad": 50.739893955087545,
  "summary_bg_mean": 615.779541015625,
  "summary_bg_median": 44.30467224121094,
  "summary_bg_n": 147579.0,
  "summary_bg_p05": 2.9696410417556764,
  "summary_bg_p95": 3714.5963134765634,
  "summary_bg_stdv": 1569.121826171875,
  "summary_fg_k": 1.995946293127889,
  "summary_fg_mad": 2168.459217059718,
  "summary_fg_mean": 17234.28125,
  "summary_fg_median": 17205.07421875,
  "summary_fg_n": 41054.0,
  "summary_fg_p05": 13666.2455078125,
  "summary_fg_p95": 20981.26875,
  "summary_fg_stdv": 2316.720947265625,
  "tsnr": 48.850582122802734
}