{
  "aor": 0.0003138787878787879,
  "aqi": 0.010694251181818182,
  "bids_meta": {
    "AcquisitionNumber": 2,
    "BidsifyVersion": "0.3.5",
    "ConversionSoftware": "dcm2niix",
    "ConversionSoftwareVersion": "v1.0.20181125  GCC6.3.0",
    "EchoTime": 0.02762,
    "EffectiveEchoSpacing": 0.0006333282667071997,
    "ImageComments": "piop",
    "ImageOrientationPatientDICOM": [
      0.999569,
      0.0279658,
      0.00898293,
      -0.0256509,
      0.980083,
      -0.196926
    ],
    "Manufacturer": "Philips",
    "NumberOfVolumesDiscardedByScanner": 2,
    "ParallelAcquisitionTechnique": "SENSE",
    "ParallelReductionFactorInPlane": 2,
    "PatientPosition": "HFS",
    "PhaseEncodingDirection": "j",
    "PhilipsRescaleIntercept": 0,
    "PhilipsRescaleSlope": 0.83712,
    "PhilipsScaleSlope": 0.0947159,
    "ProtocolName": "WIPpiopfacesSENSE",
    "PulseSequenceType": "gradient echo EPI",
    "ReconMatrixPE": 80,
    "RepetitionTime": 0.75,
    "SeriesDescription": "ImageMRSERIES",
    "SeriesNumber": 2,
    "SliceEncodingDirection": "k",
    "SliceTiming": [
      0.0,
      0.06755050505050506,
      0.1351010101010101,
      0.20265151515151517,
      0.2702020202020202,
      0.3377525252525253,
      0.40530303030303033,
      0.47285353535353536,
      0.5404040404040404,
      0.6079545454545455,
      0.6755050505050506,
      0.7430555555555556,
      0.0,
      0.06755050505050506,
      0.1351010101010101,
      0.20265151515151517,
      0.2702020202020202,
      0.3377525252525253,
      0.40530303030303033,
      0.47285353535353536,
      0.5404040404040404,
      0.6079545454545455,
      0.6755050505050506,
      0.7430555555555556,
      0.0,
      0.06755050505050506,
      0.1351010101010101,
      0.20265151515151517,
      0.2702020202020202,
      0.3377525252525253,
      0.40530303030303033,
      0.47285353535353536,
      0.5404040404040404,
      0.6079545454545455,
      0.6755050505050506,
      0.7430555555555556
    ],
    "TaskName": "faces",
    "TotalReadoutTime": 0.024699802401580786,
    "UsePhilipsFloatNotDisplayScaling": 1,
    "acq_id": "mb3",
    "dataset": "ds002785",
    "modality": "bold",
    "subject_id": "0168",
    "task_id": "faces"
  },
  "dummy_trs": 0,
  "dvars_nstd": 32.7688362504863,
  "dvars_std": 1.1637269936778114,
  "dvars_vstd": 1.0056210888145896,
  "efc": 0.4757384352267226,
  "fber": 147600.546875,
  "fd_mean": 0.09379254509819734,
  "fd_num": 2,
  "fd_perc": 0.6060606060606061,
  "fwhm_avg": 1.787204654648235,
  "fwhm_x": 1.6850633333333331,
  "fwhm_y": 1.9774900000000002,
  "fwhm_z": 1.6990606306113711,
  "gcor": 0.0114869,
  "gsr_x": -0.023852363228797913,
  "gsr_y": 0.030972395092248917,
  "provenance": {
    "md5sum": "06da09119f80deba049fabcd80acf843",
    "settings": {
      "fd_thres": 0.2,
      "testing": false
    },
    "software": "mriqc",
    "version": "22.0.0rc1",
    "webapi_port": null,
    "webapi_url": "https://mriqc.nimh.nih.gov/api/v1"
  },
  "size_t": 330,
  "size_x": 80,
  "size_y": 80,
  "size_z": 36,
  "snr": 7.2419371585522745,
  "spacing_tr": 0.75,
  "spacing_x": 3.0,
  "spacing_y": 3.0,
  "spacing_z": 3.299999952316284,
  "summary_bg_k": 28.568564967202565,
  "summary_bg_mad": 48.84671845347367,
  "summary_bg_mean": 592.1126708984375,
  "summary_bg_median": 44.338165283203125,
  "summary_bg_n": 147708.0,
  "summary_bg_p05": 3.082152926921845,
  "summary_bg_p95": 3565.785998535152,
  "summary_bg_stdv": 1515.580810546875,
  "summary_fg_k": 1.8084716343649738,
  "summary_fg_mad": 2276.2924670888783,
  "summary_fg_mean": 17538.978515625,
  "summary_fg_median": 17510.462890625,
  "summary_fg_n": 40951.0,
  "summary_fg_p05": 13792.4462890625,
  "summary_fg_p95": 21432.5,
  "summary_fg_stdv": 2417.895751953125,
  "tsnr": 54.48104476928711
}