{
  "aor": 0.0010264824120603015,
  "aqi": 0.004415495376884422,
  "bids_meta": {
    "AcquisitionNumber": 9,
    "BidsifyVersion": "0.3.5",
    "ConversionSoftware": "dcm2niix",
    "ConversionSoftwareVersion": "v1.0.20181125  GCC6.3.0",
    "EchoTime": 0.02762,
    "EffectiveEchoSpacing": 0.0006621159151938905,
    "ImageComments": "piop",
    "ImageOrientationPatientDICOM": [
      0.999569,
      0.0279658,
      0.00898293,
      -0.0256509,
      0.980083,
      -0.196926
    ],
    "Manufacturer": "Philips",
    "NumberOfVolumesDiscardedByScanner": 2,
    "ParallelAcquisitionTechnique": "SENSE",
    "ParallelReductionFactorInPlane": 2,
    "PatientPosition": "HFS",
    "PhaseEncodingDirection": "j",
    "PhilipsRescaleIntercept": 0,
    "PhilipsRescaleSlope": 0.75458,
    "PhilipsScaleSlope": 0.0607921,
    "ProtocolName": "WIPpiopanticipatieSENSE",
    "PulseSequenceType": "gradient echo EPI",
    "ReconMatrixPE": 80,
    "RepetitionTime": 2,
    "SeriesDescription": "ImageMRSERIES",
    "SeriesNumber": 9,
    "SliceEncodingDirection": "k",
    "SliceTiming": [
      0.0,
      0.0541,
      0.1081,
      0.1622,
      0.2162,
      0.2703,
      0.3243,
      0.3784,
      0.4324,
      0.4865,
      0.5405,
      0.5946,
      0.6486,
      0.7027,
      0.7568,
      0.8108,
      0.8649,
      0.9189,
      0.973,
      1.027,
      1.0811,
      1.1351,
      1.1892,
      1.2432,
      1.2973,
      1.3514,
      1.4054,
      1.4595,
      1.5135,
      1.5676,
      1.6216,
      1.6757,
      1.7297,
      1.7838,
      1.8378,
      1.8919,
      1.9459
    ],
    "TaskName": "anticipation",
    "TotalReadoutTime": 0.025822520692561732,
    "UsePhilipsFloatNotDisplayScaling": 1,
    "acq_id": "seq",
    "dataset": "ds002785",
    "modality": "bold",
    "subject_id": "0168",
    "task_id": "anticipation"
  },
  "dummy_trs": 1,
  "dvars_nstd": 24.288197401818184,
  "dvars_std": 1.2609577853030307,
  "dvars_vstd": 1.0084445457575757,
  "efc": 0.46996333676885343,
  "fber": 132694.1875,
  "fd_mean": 0.10061971642130012,
  "fd_num": 10,
  "fd_perc": 5.025125628140704,
  "fwhm_avg": 1.8492500084398573,
  "fwhm_x": 1.7390066666666666,
  "fwhm_y": 2.0564766666666667,
  "fwhm_z": 1.7522666919862384,
  "gcor": 0.0359585,
  "gsr_x": -0.02181985229253769,
  "gsr_y": 0.03383097052574158,
  "provenance": {
    "md5sum": "c13ebc32bf99917b6de2adeeb12ff7df",
    "settings": {
      "fd_thres": 0.2,
      "testing": false
    },
    "software": "mriqc",
    "version": "22.0.0rc1",
    "webapi_port": null,
    "webapi_url": "https://mriqc.nimh.nih.gov/api/v1"
  },
  "size_t": 199,
  "size_x": 80,
  "size_y": 80,
  "size_z": 37,
  "snr": 5.784492061947444,
  "spacing_tr": 2.0,
  "spacing_x": 3.0,
  "spacing_y": 3.0,
  "spacing_z": 3.299999952316284,
  "summary_bg_k": 35.249785571347935,
  "summary_bg_mad": 64.25430629538576,
  "summary_bg_mean": 799.0048828125,
  "summary_bg_median": 60.33576583862305,
  "summary_bg_n": 152925.0,
  "summary_bg_p05": 4.8434743881225595,
  "summary_bg_p95": 4922.172753906247,
  "summary_bg_stdv": 2114.135498046875,
  "summary_fg_k": 1.5249519249661718,
  "summary_fg_mad": 3754.719075440017,
  "summary_fg_mean": 23044.3828125,
  "summary_fg_median": 22729.369140625,
  "summary_fg_n": 41505.0,
  "summary_fg_p05": 17314.373046875,
  "summary_fg_p95": 29633.12070312499,
  "summary_fg_stdv": 3929.315673828125,
  "tsnr": 77.62271118164062
}