{
  "aor": 0.000421060606060606,
  "aqi": 0.005265415787878788,
  "bids_meta": {
    "AcquisitionNumber": 2,
    "BidsifyVersion": "0.3.5",
    "ConversionSoftware": "dcm2niix",
    "ConversionSoftwareVersion": "v1.0.20181125  GCC6.3.0",
    "EchoTime": 0.02763,
    "EffectiveEchoSpacing": 0.0006333282667071997,
    "ImageComments": "piop",
    "ImageOrientationPatientDICOM": [
      0.997291,
      -0.0581264,
      -0.0450787,
      0.0557572,
      0.997082,
      -0.0521447
    ],
    "Manufacturer": "Philips",
    "NumberOfVolumesDiscardedByScanner": 2,
    "ParallelAcquisitionTechnique": "SENSE",
    "ParallelReductionFactorInPlane": 2,
    "PatientPosition": "HFS",
    "PhaseEncodingDirection": "j",
    "PhilipsRescaleIntercept": 0,
    "PhilipsRescaleSlope": 0.85153,
    "PhilipsScaleSlope": 0.0794086,
    "ProtocolName": "WIPpiopfacesSENSE",
    "PulseSequenceType": "gradient echo EPI",
    "ReconMatrixPE": 80,
    "RepetitionTime": 0.75,
    "SeriesDescription": "ImageMRSERIES",
    "SeriesNumber": 2,
    "SliceEncodingDirection": "k",
    "SliceTiming": [
      0.0,
      0.06755050505050506,
      0.1351010101010101,
      0.20265151515151517,
      0.2702020202020202,
      0.3377525252525253,
      0.40530303030303033,
      0.47285353535353536,
      0.5404040404040404,
      0.6079545454545455,
      0.6755050505050506,
      0.7430555555555556,
      0.0,
      0.06755050505050506,
      0.1351010101010101,
      0.20265151515151517,
      0.2702020202020202,
      0.3377525252525253,
      0.40530303030303033,
      0.47285353535353536,
      0.5404040404040404,
      0.6079545454545455,
      0.6755050505050506,
      0.7430555555555556,
      0.0,
      0.06755050505050506,
      0.1351010101010101,
      0.20265151515151517,
      0.2702020202020202,
      0.3377525252525253,
      0.40530303030303033,
      0.47285353535353536,
      0.5404040404040404,
      0.6079545454545455,
      0.6755050505050506,
      0.7430555555555556
    ],
    "TaskName": "faces",
    "TotalReadoutTime": 0.024699802401580786,
    "UsePhilipsFloatNotDisplayScaling": 1,
    "acq_id": "mb3",
    "dataset": "ds002785",
    "modality": "bold",
    "subject_id": "0091",
    "task_id": "faces"
  },
  "dummy_trs": 0,
  "dvars_nstd": 29.853987070729474,
  "dvars_std": 1.3277410401215801,
  "dvars_vstd": 1.0037617664741643,
  "efc": 0.43988756542306146,
  "fber": 198096.4375,
  "fd_mean": 0.08451442091353559,
  "fd_num": 3,
  "fd_perc": 0.9090909090909091,
  "fwhm_avg": 2.1363993503016094,
  "fwhm_x": 2.1039733333333333,
  "fwhm_y": 2.31997,
  "fwhm_z": 1.985254717571494,
  "gcor": 0.0166277,
  "gsr_x": -0.016889207065105438,
  "gsr_y": 0.01716068759560585,
  "provenance": {
    "md5sum": "32d7a63d7b4b1e74dce5dc4e8868c2c2",
    "settings": {
      "fd_thres": 0.2,
      "testing": false
    },
    "software": "mriqc",
    "version": "22.0.0rc1",
    "webapi_port": null,
    "webapi_url": "https://mriqc.nimh.nih.gov/api/v1"
  },
  "size_t": 330,
  "size_x": 80,
  "size_y": 80,
  "size_z": 36,
  "snr": 6.0530759148850946,
  "spacing_tr": 0.75,
  "spacing_x": 3.0,
  "spacing_y": 3.0,
  "spacing_z": 3.299999713897705,
  "summary_bg_k": 37.058051420121096,
  "summary_bg_mad": 44.95256526685945,
  "summary_bg_mean": 473.6140441894531,
  "summary_bg_median": 41.99303436279297,
  "summary_bg_n": 154321.0,
  "summary_bg_p05": 2.8504133224487305,
  "summary_bg_p95": 2587.8564453125,
  "summary_bg_stdv": 1289.9522705078125,
  "summary_fg_k": 0.38564574851340394,
  "summary_fg_mad": 3089.9254529355294,
  "summary_fg_mean": 19046.767578125,
  "summary_fg_median": 18855.47265625,
  "summary_fg_n": 36138.0,
  "summary_fg_p05": 14265.2544921875,
  "summary_fg_p95": 24260.89755859375,
  "summary_fg_stdv": 3114.980224609375,
  "tsnr": 70.98494720458984
}