{
  "aor": 0.0005449795918367347,
  "aqi": 0.005116711102040817,
  "bids_meta": {
    "AcquisitionNumber": 3,
    "BidsifyVersion": "0.3.5",
    "ConversionSoftware": "dcm2niix",
    "ConversionSoftwareVersion": "v1.0.20181125  GCC6.3.0",
    "EchoTime": 0.02762,
    "EffectiveEchoSpacing": 0.0006621159151938905,
    "ImageComments": "piop",
    "ImageOrientationPatientDICOM": [
      0.997291,
      -0.0581264,
      -0.0450787,
      0.0557572,
      0.997082,
      -0.0521447
    ],
    "Manufacturer": "Philips",
    "NumberOfVolumesDiscardedByScanner": 2,
    "ParallelAcquisitionTechnique": "SENSE",
    "ParallelReductionFactorInPlane": 2,
    "PatientPosition": "HFS",
    "PhaseEncodingDirection": "j",
    "PhilipsRescaleIntercept": 0,
    "PhilipsRescaleSlope": 0.83541,
    "PhilipsScaleSlope": 0.0500953,
    "ProtocolName": "WIPpiopgstroopSENSE",
    "PulseSequenceType": "gradient echo EPI",
    "ReconMatrixPE": 80,
    "RepetitionTime": 2,
    "SeriesDescription": "ImageMRSERIES",
    "SeriesNumber": 3,
    "SliceEncodingDirection": "k",
    "SliceTiming": [
      0.0,
      0.0541,
      0.1081,
      0.1622,
      0.2162,
      0.2703,
      0.3243,
      0.3784,
      0.4324,
      0.4865,
      0.5405,
      0.5946,
      0.6486,
      0.7027,
      0.7568,
      0.8108,
      0.8649,
      0.9189,
      0.973,
      1.027,
      1.0811,
      1.1351,
      1.1892,
      1.2432,
      1.2973,
      1.3514,
      1.4054,
      1.4595,
      1.5135,
      1.5676,
      1.6216,
      1.6757,
      1.7297,
      1.7838,
      1.8378,
      1.8919,
      1.9459
    ],
    "TaskName": "gstroop",
    "TotalReadoutTime": 0.025822520692561732,
    "UsePhilipsFloatNotDisplayScaling": 1,
    "acq_id": "seq",
    "dataset": "ds002785",
    "modality": "bold",
    "subject_id": "0091",
    "task_id": "gstroop"
  },
  "dummy_trs": 0,
  "dvars_nstd": 24.097864705860644,
  "dvars_std": 1.3501449086885247,
  "dvars_vstd": 0.9549931763114754,
  "efc": 0.4269235602582635,
  "fber": 211163.8125,
  "fd_mean": 0.07287857056248459,
  "fd_num": 2,
  "fd_perc": 0.8163265306122449,
  "fwhm_avg": 1.889037483448111,
  "fwhm_x": 1.80698,
  "fwhm_y": 2.0537233333333336,
  "fwhm_z": 1.8064091170109997,
  "gcor": 0.010367,
  "gsr_x": -0.013834931887686253,
  "gsr_y": 0.017868176102638245,
  "provenance": {
    "md5sum": "dd0a5832707898a588fa4cfc71b04b3a",
    "settings": {
      "fd_thres": 0.2,
      "testing": false
    },
    "software": "mriqc",
    "version": "22.0.0rc1",
    "webapi_port": null,
    "webapi_url": "https://mriqc.nimh.nih.gov/api/v1"
  },
  "size_t": 245,
  "size_x": 80,
  "size_y": 80,
  "size_z": 37,
  "snr": 5.0271587391066905,
  "spacing_tr": 2.0,
  "spacing_x": 3.0,
  "spacing_y": 3.0,
  "spacing_z": 3.299999952316284,
  "summary_bg_k": 54.501463724205976,
  "summary_bg_mad": 57.67031023196683,
  "summary_bg_mean": 639.4268798828125,
  "summary_bg_median": 56.748878479003906,
  "summary_bg_n": 160029.0,
  "summary_bg_p05": 3.4696301460266117,
  "summary_bg_p95": 3603.1110351562506,
  "summary_bg_stdv": 1952.301513671875,
  "summary_fg_k": 1.3006347909222393,
  "summary_fg_mad": 5119.0823191660675,
  "summary_fg_mean": 27315.193359375,
  "summary_fg_median": 26784.123046875,
  "summary_fg_n": 36074.0,
  "summary_fg_p05": 19806.17783203125,
  "summary_fg_p95": 36409.672460937494,
  "summary_fg_stdv": 5327.81103515625,
  "tsnr": 75.88648986816406
}