{
  "aor": 0.031005802469135802,
  "aqi": 0.011544163271604938,
  "bids_meta": {
    "AcquisitionNumber": 8,
    "BidsifyVersion": "0.3.5",
    "ConversionSoftware": "dcm2niix",
    "ConversionSoftwareVersion": "v1.0.20181125  GCC6.3.0",
    "EchoTime": 0.02762,
    "EffectiveEchoSpacing": 0.0006621159151938905,
    "ImageComments": "piop",
    "ImageOrientationPatientDICOM": [
      0.997291,
      -0.0581264,
      -0.0450787,
      0.0557572,
      0.997082,
      -0.0521447
    ],
    "Manufacturer": "Philips",
    "NumberOfVolumesDiscardedByScanner": 2,
    "ParallelAcquisitionTechnique": "SENSE",
    "ParallelReductionFactorInPlane": 2,
    "PatientPosition": "HFS",
    "PhaseEncodingDirection": "j",
    "PhilipsRescaleIntercept": 0,
    "PhilipsRescaleSlope": 0.8525,
    "PhilipsScaleSlope": 0.049887,
    "ProtocolName": "WIPpiopwmSENSE",
    "PulseSequenceType": "gradient echo EPI",
    "ReconMatrixPE": 80,
    "RepetitionTime": 2,
    "SeriesDescription": "ImageMRSERIES",
    "SeriesNumber": 8,
    "SliceEncodingDirection": "k",
    "SliceTiming": [
      0.0,
      0.0541,
      0.1081,
      0.1622,
      0.2162,
      0.2703,
      0.3243,
      0.3784,
      0.4324,
      0.4865,
      0.5405,
      0.5946,
      0.6486,
      0.7027,
      0.7568,
      0.8108,
      0.8649,
      0.9189,
      0.973,
      1.027,
      1.0811,
      1.1351,
      1.1892,
      1.2432,
      1.2973,
      1.3514,
      1.4054,
      1.4595,
      1.5135,
      1.5676,
      1.6216,
      1.6757,
      1.7297,
      1.7838,
      1.8378,
      1.8919,
      1.9459
    ],
    "TaskName": "workingmemory",
    "TotalReadoutTime": 0.025822520692561732,
    "UsePhilipsFloatNotDisplayScaling": 1,
    "acq_id": "seq",
    "dataset": "ds002785",
    "modality": "bold",
    "subject_id": "0091",
    "task_id": "workingmemory"
  },
  "dummy_trs": 0,
  "dvars_nstd": 24.93901378329193,
  "dvars_std": 1.4631484475776393,
  "dvars_vstd": 1.1861690444099382,
  "efc": 0.429337957080576,
  "fber": 193085.390625,
  "fd_mean": 0.12296785491776663,
  "fd_num": 9,
  "fd_perc": 5.555555555555555,
  "fwhm_avg": 1.9089511199203966,
  "fwhm_x": 1.8174766666666666,
  "fwhm_y": 2.08041,
  "fwhm_z": 1.8289666930945236,
  "gcor": 0.00906171,
  "gsr_x": -0.01366542186588049,
  "gsr_y": 0.016940396279096603,
  "provenance": {
    "md5sum": "667fe03f40414b98bafc16c5d1f952d2",
    "settings": {
      "fd_thres": 0.2,
      "testing": false
    },
    "software": "mriqc",
    "version": "22.0.0rc1",
    "webapi_port": null,
    "webapi_url": "https://mriqc.nimh.nih.gov/api/v1"
  },
  "size_t": 162,
  "size_x": 80,
  "size_y": 80,
  "size_z": 37,
  "snr": 5.042511821765068,
  "spacing_tr": 2.0,
  "spacing_x": 3.0,
  "spacing_y": 3.0,
  "spacing_z": 3.299999952316284,
  "summary_bg_k": 47.1480399422313,
  "summary_bg_mad": 61.90348529743491,
  "summary_bg_mean": 662.4725952148438,
  "summary_bg_median": 58.4541015625,
  "summary_bg_n": 160002.0,
  "summary_bg_p05": 4.357975554466248,
  "summary_bg_p95": 3758.3170410156226,
  "summary_bg_stdv": 1977.258544921875,
  "summary_fg_k": 1.2656554724634939,
  "summary_fg_mad": 4999.398386364966,
  "summary_fg_mean": 26954.888671875,
  "summary_fg_median": 26400.8984375,
  "summary_fg_n": 36175.0,
  "summary_fg_p05": 19524.5376953125,
  "summary_fg_p95": 35852.084765624975,
  "summary_fg_stdv": 5235.591796875,
  "tsnr": 51.76280212402344
}