{
  "aor": 0.0015534074074074074,
  "aqi": 0.0031732468148148152,
  "bids_meta": {
    "AcquisitionNumber": 5,
    "BidsifyVersion": "0.3.5",
    "ConversionSoftware": "dcm2niix",
    "ConversionSoftwareVersion": "v1.0.20181125  GCC6.3.0",
    "EchoTime": 0.02762,
    "EffectiveEchoSpacing": 0.0006621159151938905,
    "ImageComments": "piop",
    "ImageOrientationPatientDICOM": [
      0.997291,
      -0.0581264,
      -0.0450787,
      0.0557572,
      0.997082,
      -0.0521447
    ],
    "Manufacturer": "Philips",
    "NumberOfVolumesDiscardedByScanner": 2,
    "ParallelAcquisitionTechnique": "SENSE",
    "ParallelReductionFactorInPlane": 2,
    "PatientPosition": "HFS",
    "PhaseEncodingDirection": "j",
    "PhilipsRescaleIntercept": 0,
    "PhilipsRescaleSlope": 0.80049,
    "PhilipsScaleSlope": 0.0540988,
    "ProtocolName": "WIPpiopharririSENSE",
    "PulseSequenceType": "gradient echo EPI",
    "ReconMatrixPE": 80,
    "RepetitionTime": 2,
    "SeriesDescription": "ImageMRSERIES",
    "SeriesNumber": 5,
    "SliceEncodingDirection": "k",
    "SliceTiming": [
      0.0,
      0.0541,
      0.1081,
      0.1622,
      0.2162,
      0.2703,
      0.3243,
      0.3784,
      0.4324,
      0.4865,
      0.5405,
      0.5946,
      0.6486,
      0.7027,
      0.7568,
      0.8108,
      0.8649,
      0.9189,
      0.973,
      1.027,
      1.0811,
      1.1351,
      1.1892,
      1.2432,
      1.2973,
      1.3514,
      1.4054,
      1.4595,
      1.5135,
      1.5676,
      1.6216,
      1.6757,
      1.7297,
      1.7838,
      1.8378,
      1.8919,
      1.9459
    ],
    "TaskName": "emomatching",
    "TotalReadoutTime": 0.025822520692561732,
    "UsePhilipsFloatNotDisplayScaling": 1,
    "acq_id": "seq",
    "dataset": "ds002785",
    "modality": "bold",
    "subject_id": "0091",
    "task_id": "emomatching"
  },
  "dummy_trs": 0,
  "dvars_nstd": 26.091451161567154,
  "dvars_std": 1.4898005141791035,
  "dvars_vstd": 1.0121917132835823,
  "efc": 0.4273234258545973,
  "fber": 211416.0625,
  "fd_mean": 0.07608747831912299,
  "fd_num": 1,
  "fd_perc": 0.7407407407407407,
  "fwhm_avg": 1.870557584392693,
  "fwhm_x": 1.7944866666666668,
  "fwhm_y": 2.0243800000000003,
  "fwhm_z": 1.792806086511411,
  "gcor": 0.0108989,
  "gsr_x": -0.013820870779454708,
  "gsr_y": 0.017320072278380394,
  "provenance": {
    "md5sum": "41787dc1c18134bb041954d47ef99cec",
    "settings": {
      "fd_thres": 0.2,
      "testing": false
    },
    "software": "mriqc",
    "version": "22.0.0rc1",
    "webapi_port": null,
    "webapi_url": "https://mriqc.nimh.nih.gov/api/v1"
  },
  "size_t": 135,
  "size_x": 80,
  "size_y": 80,
  "size_z": 37,
  "snr": 5.088265005434525,
  "spacing_tr": 2.0,
  "spacing_x": 3.0,
  "spacing_y": 3.0,
  "spacing_z": 3.299999952316284,
  "summary_bg_k": 51.64120952279437,
  "summary_bg_mad": 56.44496221157733,
  "summary_bg_mean": 642.0277709960938,
  "summary_bg_median": 55.790462493896484,
  "summary_bg_n": 160174.0,
  "summary_bg_p05": 3.0795965433120736,
  "summary_bg_p95": 3660.4293334961,
  "summary_bg_stdv": 1948.338134765625,
  "summary_fg_k": 1.184706814347213,
  "summary_fg_mad": 4949.196954019024,
  "summary_fg_mean": 26902.3515625,
  "summary_fg_median": 26365.037109375,
  "summary_fg_n": 36028.0,
  "summary_fg_p05": 19553.66640625,
  "summary_fg_p95": 35766.32031250001,
  "summary_fg_stdv": 5181.4658203125,
  "tsnr": 93.134765625
}