{
  "aor": 0.0012347698744769873,
  "aqi": 0.009914897133891213,
  "bids_meta": {
    "AcquisitionNumber": 6,
    "BidsifyVersion": "0.3.5",
    "ConversionSoftware": "dcm2niix",
    "ConversionSoftwareVersion": "v1.0.20181125  GCC6.3.0",
    "EchoTime": 0.02763,
    "EffectiveEchoSpacing": 0.0006333282667071997,
    "ImageComments": "piop",
    "ImageOrientationPatientDICOM": [
      0.997291,
      -0.0581264,
      -0.0450787,
      0.0557572,
      0.997082,
      -0.0521447
    ],
    "Manufacturer": "Philips",
    "NumberOfVolumesDiscardedByScanner": 2,
    "ParallelAcquisitionTechnique": "SENSE",
    "ParallelReductionFactorInPlane": 2,
    "PatientPosition": "HFS",
    "PhaseEncodingDirection": "j",
    "PhilipsRescaleIntercept": 0,
    "PhilipsRescaleSlope": 0.88059,
    "PhilipsScaleSlope": 0.0838334,
    "ProtocolName": "WIPpioprsSENSE",
    "PulseSequenceType": "gradient echo EPI",
    "ReconMatrixPE": 80,
    "RepetitionTime": 0.75,
    "SeriesDescription": "ImageMRSERIES",
    "SeriesNumber": 6,
    "SliceEncodingDirection": "k",
    "SliceTiming": [
      0.0,
      0.06755050505050506,
      0.1351010101010101,
      0.20265151515151517,
      0.2702020202020202,
      0.3377525252525253,
      0.40530303030303033,
      0.47285353535353536,
      0.5404040404040404,
      0.6079545454545455,
      0.6755050505050506,
      0.7430555555555556,
      0.0,
      0.06755050505050506,
      0.1351010101010101,
      0.20265151515151517,
      0.2702020202020202,
      0.3377525252525253,
      0.40530303030303033,
      0.47285353535353536,
      0.5404040404040404,
      0.6079545454545455,
      0.6755050505050506,
      0.7430555555555556,
      0.0,
      0.06755050505050506,
      0.1351010101010101,
      0.20265151515151517,
      0.2702020202020202,
      0.3377525252525253,
      0.40530303030303033,
      0.47285353535353536,
      0.5404040404040404,
      0.6079545454545455,
      0.6755050505050506,
      0.7430555555555556
    ],
    "TaskName": "restingstate",
    "TotalReadoutTime": 0.024699802401580786,
    "UsePhilipsFloatNotDisplayScaling": 1,
    "acq_id": "mb3",
    "dataset": "ds002785",
    "modality": "bold",
    "subject_id": "0091",
    "task_id": "restingstate"
  },
  "dummy_trs": 2,
  "dvars_nstd": 33.85080882939205,
  "dvars_std": 1.3175095370230605,
  "dvars_vstd": 1.0198378789308176,
  "efc": 0.4394755589016319,
  "fber": 191583.734375,
  "fd_mean": 0.09068315449370358,
  "fd_num": 18,
  "fd_perc": 3.7656903765690375,
  "fwhm_avg": 1.8763224328893635,
  "fwhm_x": 1.8101066666666668,
  "fwhm_y": 2.0236,
  "fwhm_z": 1.7952606320014235,
  "gcor": 0.0150636,
  "gsr_x": -0.015853485092520714,
  "gsr_y": 0.016094867140054703,
  "provenance": {
    "md5sum": "032042b1f82776c74410119da9b698ee",
    "settings": {
      "fd_thres": 0.2,
      "testing": false
    },
    "software": "mriqc",
    "version": "22.0.0rc1",
    "webapi_port": null,
    "webapi_url": "https://mriqc.nimh.nih.gov/api/v1"
  },
  "size_t": 478,
  "size_x": 80,
  "size_y": 80,
  "size_z": 36,
  "snr": 6.318829603738327,
  "spacing_tr": 0.75,
  "spacing_x": 3.0,
  "spacing_y": 3.0,
  "spacing_z": 3.299999952316284,
  "summary_bg_k": 37.16105208311205,
  "summary_bg_mad": 46.715537855957294,
  "summary_bg_mean": 491.551513671875,
  "summary_bg_median": 41.548004150390625,
  "summary_bg_n": 154546.0,
  "summary_bg_p05": 2.2688414454460144,
  "summary_bg_p95": 2733.2932739257812,
  "summary_bg_stdv": 1390.2186279296875,
  "summary_fg_k": 0.8241877805859645,
  "summary_fg_mad": 2860.7258640721584,
  "summary_fg_mean": 18636.580078125,
  "summary_fg_median": 18498.71484375,
  "summary_fg_n": 35868.0,
  "summary_fg_p05": 14143.794775390625,
  "summary_fg_p95": 23466.3015625,
  "summary_fg_stdv": 2927.51318359375,
  "tsnr": 52.82259750366211
}