{
  "aor": 0.0024755,
  "aqi": 0.00936709115,
  "bids_meta": {
    "AcquisitionNumber": 9,
    "BidsifyVersion": "0.3.5",
    "ConversionSoftware": "dcm2niix",
    "ConversionSoftwareVersion": "v1.0.20181125  GCC6.3.0",
    "EchoTime": 0.02762,
    "EffectiveEchoSpacing": 0.0006621159151938905,
    "ImageComments": "piop",
    "ImageOrientationPatientDICOM": [
      0.997291,
      -0.0581264,
      -0.0450787,
      0.0557572,
      0.997082,
      -0.0521447
    ],
    "Manufacturer": "Philips",
    "NumberOfVolumesDiscardedByScanner": 2,
    "ParallelAcquisitionTechnique": "SENSE",
    "ParallelReductionFactorInPlane": 2,
    "PatientPosition": "HFS",
    "PhaseEncodingDirection": "j",
    "PhilipsRescaleIntercept": 0,
    "PhilipsRescaleSlope": 0.77265,
    "PhilipsScaleSlope": 0.0567721,
    "ProtocolName": "WIPpiopanticipatieSENSE",
    "PulseSequenceType": "gradient echo EPI",
    "ReconMatrixPE": 80,
    "RepetitionTime": 2,
    "SeriesDescription": "ImageMRSERIES",
    "SeriesNumber": 9,
    "SliceEncodingDirection": "k",
    "SliceTiming": [
      0.0,
      0.0541,
      0.1081,
      0.1622,
      0.2162,
      0.2703,
      0.3243,
      0.3784,
      0.4324,
      0.4865,
      0.5405,
      0.5946,
      0.6486,
      0.7027,
      0.7568,
      0.8108,
      0.8649,
      0.9189,
      0.973,
      1.027,
      1.0811,
      1.1351,
      1.1892,
      1.2432,
      1.2973,
      1.3514,
      1.4054,
      1.4595,
      1.5135,
      1.5676,
      1.6216,
      1.6757,
      1.7297,
      1.7838,
      1.8378,
      1.8919,
      1.9459
    ],
    "TaskName": "anticipation",
    "TotalReadoutTime": 0.025822520692561732,
    "UsePhilipsFloatNotDisplayScaling": 1,
    "acq_id": "seq",
    "dataset": "ds002785",
    "modality": "bold",
    "subject_id": "0091",
    "task_id": "anticipation"
  },
  "dummy_trs": 0,
  "dvars_nstd": 26.923600690452258,
  "dvars_std": 1.2856334812562813,
  "dvars_vstd": 0.9018986342713566,
  "efc": 0.43084097008401145,
  "fber": 185342.84375,
  "fd_mean": 0.10135375681269802,
  "fd_num": 9,
  "fd_perc": 4.5,
  "fwhm_avg": 1.8871560692455709,
  "fwhm_x": 1.8058733333333334,
  "fwhm_y": 2.0618766666666666,
  "fwhm_z": 1.793718207736712,
  "gcor": 0.00723682,
  "gsr_x": -0.01359789539128542,
  "gsr_y": 0.017748765647411346,
  "provenance": {
    "md5sum": "022d5b7a283d2232d61f6e715545ee64",
    "settings": {
      "fd_thres": 0.2,
      "testing": false
    },
    "software": "mriqc",
    "version": "22.0.0rc1",
    "webapi_port": null,
    "webapi_url": "https://mriqc.nimh.nih.gov/api/v1"
  },
  "size_t": 200,
  "size_x": 80,
  "size_y": 80,
  "size_z": 37,
  "snr": 5.156763269732963,
  "spacing_tr": 2.0,
  "spacing_x": 3.0,
  "spacing_y": 3.0,
  "spacing_z": 3.299999952316284,
  "summary_bg_k": 47.777362518774346,
  "summary_bg_mad": 63.745005365251174,
  "summary_bg_mean": 655.41552734375,
  "summary_bg_median": 58.84675979614258,
  "summary_bg_n": 159685.0,
  "summary_bg_p05": 3.912871026992798,
  "summary_bg_p95": 3777.323291015624,
  "summary_bg_stdv": 1956.284912109375,
  "summary_fg_k": 1.2048429237144909,
  "summary_fg_mad": 4791.724038890778,
  "summary_fg_mean": 26417.349609375,
  "summary_fg_median": 25874.43359375,
  "summary_fg_n": 36314.0,
  "summary_fg_p05": 19297.50234375,
  "summary_fg_p95": 34990.967578125,
  "summary_fg_stdv": 5017.50341796875,
  "tsnr": 59.35612869262695
}