{
  "aor": 0.0006694693877551021,
  "aqi": 0.00553844693877551,
  "bids_meta": {
    "AcquisitionNumber": 3,
    "BidsifyVersion": "0.3.5",
    "ConversionSoftware": "dcm2niix",
    "ConversionSoftwareVersion": "v1.0.20181125  GCC6.3.0",
    "EchoTime": 0.02762,
    "EffectiveEchoSpacing": 0.0006621159151938905,
    "ImageComments": "piop",
    "ImageOrientationPatientDICOM": [
      0.996145,
      -0.0876718,
      0.00282743,
      0.0871514,
      0.99286,
      0.0814512
    ],
    "Manufacturer": "Philips",
    "NumberOfVolumesDiscardedByScanner": 2,
    "ParallelAcquisitionTechnique": "SENSE",
    "ParallelReductionFactorInPlane": 2,
    "PatientPosition": "HFS",
    "PhaseEncodingDirection": "j",
    "PhilipsRescaleIntercept": 0,
    "PhilipsRescaleSlope": 0.79048,
    "PhilipsScaleSlope": 0.0607611,
    "ProtocolName": "WIPpiopgstroopSENSE",
    "PulseSequenceType": "gradient echo EPI",
    "ReconMatrixPE": 80,
    "RepetitionTime": 2,
    "SeriesDescription": "ImageMRSERIES",
    "SeriesNumber": 3,
    "SliceEncodingDirection": "k",
    "SliceTiming": [
      0.0,
      0.0541,
      0.1081,
      0.1622,
      0.2162,
      0.2703,
      0.3243,
      0.3784,
      0.4324,
      0.4865,
      0.5405,
      0.5946,
      0.6486,
      0.7027,
      0.7568,
      0.8108,
      0.8649,
      0.9189,
      0.973,
      1.027,
      1.0811,
      1.1351,
      1.1892,
      1.2432,
      1.2973,
      1.3514,
      1.4054,
      1.4595,
      1.5135,
      1.5676,
      1.6216,
      1.6757,
      1.7297,
      1.7838,
      1.8378,
      1.8919,
      1.9459
    ],
    "TaskName": "gstroop",
    "TotalReadoutTime": 0.025822520692561732,
    "UsePhilipsFloatNotDisplayScaling": 1,
    "acq_id": "seq",
    "dataset": "ds002785",
    "modality": "bold",
    "subject_id": "0166",
    "task_id": "gstroop"
  },
  "dummy_trs": 0,
  "dvars_nstd": 22.65267043844262,
  "dvars_std": 1.2931239105737706,
  "dvars_vstd": 0.9984281498360659,
  "efc": 0.4343684470997078,
  "fber": 147927.015625,
  "fd_mean": 0.08992100323289692,
  "fd_num": 7,
  "fd_perc": 2.857142857142857,
  "fwhm_avg": 1.674977886371341,
  "fwhm_x": 1.6721266666666665,
  "fwhm_y": 1.7783433333333332,
  "fwhm_z": 1.5744636591140235,
  "gcor": 0.0202526,
  "gsr_x": -0.005345724057406187,
  "gsr_y": 0.011825412511825562,
  "provenance": {
    "md5sum": "89149a2b6b12bec3a0747c83863ad2d2",
    "settings": {
      "fd_thres": 0.2,
      "testing": false
    },
    "software": "mriqc",
    "version": "22.0.0rc1",
    "webapi_port": null,
    "webapi_url": "https://mriqc.nimh.nih.gov/api/v1"
  },
  "size_t": 245,
  "size_x": 80,
  "size_y": 80,
  "size_z": 37,
  "snr": 6.361537876696621,
  "spacing_tr": 2.0,
  "spacing_x": 3.0,
  "spacing_y": 3.0,
  "spacing_z": 3.299999952316284,
  "summary_bg_k": 43.84238445826112,
  "summary_bg_mad": 72.0703276147755,
  "summary_bg_mean": 694.8486938476562,
  "summary_bg_median": 58.804710388183594,
  "summary_bg_n": 161172.0,
  "summary_bg_p05": 1.403743636608124,
  "summary_bg_p95": 3766.4964721679685,
  "summary_bg_stdv": 1826.4808349609375,
  "summary_fg_k": 2.6548023529066214,
  "summary_fg_mad": 3236.1297224908967,
  "summary_fg_mean": 23588.484375,
  "summary_fg_median": 23197.533203125,
  "summary_fg_n": 34682.0,
  "summary_fg_p05": 18558.0458984375,
  "summary_fg_p95": 29630.759765625,
  "summary_fg_stdv": 3646.4765625,
  "tsnr": 82.22454833984375
}