{
  "aor": 0.00641945,
  "aqi": 0.0085675718,
  "bids_meta": {
    "AcquisitionNumber": 9,
    "BidsifyVersion": "0.3.5",
    "ConversionSoftware": "dcm2niix",
    "ConversionSoftwareVersion": "v1.0.20181125  GCC6.3.0",
    "EchoTime": 0.02762,
    "EffectiveEchoSpacing": 0.0006621159151938905,
    "ImageComments": "piop",
    "ImageOrientationPatientDICOM": [
      0.996145,
      -0.0876718,
      0.00282743,
      0.0871514,
      0.99286,
      0.0814512
    ],
    "Manufacturer": "Philips",
    "NumberOfVolumesDiscardedByScanner": 2,
    "ParallelAcquisitionTechnique": "SENSE",
    "ParallelReductionFactorInPlane": 2,
    "PatientPosition": "HFS",
    "PhaseEncodingDirection": "j",
    "PhilipsRescaleIntercept": 0,
    "PhilipsRescaleSlope": 0.80317,
    "PhilipsScaleSlope": 0.0585396,
    "ProtocolName": "WIPpiopanticipatieSENSE",
    "PulseSequenceType": "gradient echo EPI",
    "ReconMatrixPE": 80,
    "RepetitionTime": 2,
    "SeriesDescription": "ImageMRSERIES",
    "SeriesNumber": 9,
    "SliceEncodingDirection": "k",
    "SliceTiming": [
      0.0,
      0.0541,
      0.1081,
      0.1622,
      0.2162,
      0.2703,
      0.3243,
      0.3784,
      0.4324,
      0.4865,
      0.5405,
      0.5946,
      0.6486,
      0.7027,
      0.7568,
      0.8108,
      0.8649,
      0.9189,
      0.973,
      1.027,
      1.0811,
      1.1351,
      1.1892,
      1.2432,
      1.2973,
      1.3514,
      1.4054,
      1.4595,
      1.5135,
      1.5676,
      1.6216,
      1.6757,
      1.7297,
      1.7838,
      1.8378,
      1.8919,
      1.9459
    ],
    "TaskName": "anticipation",
    "TotalReadoutTime": 0.025822520692561732,
    "UsePhilipsFloatNotDisplayScaling": 1,
    "acq_id": "seq",
    "dataset": "ds002785",
    "modality": "bold",
    "subject_id": "0166",
    "task_id": "anticipation"
  },
  "dummy_trs": 0,
  "dvars_nstd": 25.382447889246244,
  "dvars_std": 1.3400893296482408,
  "dvars_vstd": 1.0401113097487436,
  "efc": 0.4338981195337473,
  "fber": 145699.21875,
  "fd_mean": 0.14554676428298968,
  "fd_num": 30,
  "fd_perc": 15.0,
  "fwhm_avg": 1.6923214218765683,
  "fwhm_x": 1.68433,
  "fwhm_y": 1.7866766666666667,
  "fwhm_z": 1.6059575989630381,
  "gcor": 0.0209324,
  "gsr_x": -0.005041196942329407,
  "gsr_y": 0.012803004123270512,
  "provenance": {
    "md5sum": "077371bb0804152f1e9816ff6ac5c8ea",
    "settings": {
      "fd_thres": 0.2,
      "testing": false
    },
    "software": "mriqc",
    "version": "22.0.0rc1",
    "webapi_port": null,
    "webapi_url": "https://mriqc.nimh.nih.gov/api/v1"
  },
  "size_t": 200,
  "size_x": 80,
  "size_y": 80,
  "size_z": 37,
  "snr": 6.269382214546882,
  "spacing_tr": 2.0,
  "spacing_x": 3.0,
  "spacing_y": 3.0,
  "spacing_z": 3.299999952316284,
  "summary_bg_k": 42.22957649319472,
  "summary_bg_mad": 73.13335836547418,
  "summary_bg_mean": 706.7076416015625,
  "summary_bg_median": 59.5976676940918,
  "summary_bg_n": 161471.0,
  "summary_bg_p05": 1.601164162158966,
  "summary_bg_p95": 3871.29296875,
  "summary_bg_stdv": 1834.0205078125,
  "summary_fg_k": 2.5568778910127525,
  "summary_fg_mad": 3317.696010168369,
  "summary_fg_mean": 23740.419921875,
  "summary_fg_median": 23340.4453125,
  "summary_fg_n": 34436.0,
  "summary_fg_p05": 18567.2822265625,
  "summary_fg_p95": 29991.36962890625,
  "summary_fg_stdv": 3722.871826171875,
  "tsnr": 68.40640258789062
}