{
  "aor": 0.001445432098765432,
  "aqi": 0.005087453333333334,
  "bids_meta": {
    "AcquisitionNumber": 8,
    "BidsifyVersion": "0.3.5",
    "ConversionSoftware": "dcm2niix",
    "ConversionSoftwareVersion": "v1.0.20181125  GCC6.3.0",
    "EchoTime": 0.02762,
    "EffectiveEchoSpacing": 0.0006621159151938905,
    "ImageComments": "piop",
    "ImageOrientationPatientDICOM": [
      0.996145,
      -0.0876718,
      0.00282743,
      0.0871514,
      0.99286,
      0.0814512
    ],
    "Manufacturer": "Philips",
    "NumberOfVolumesDiscardedByScanner": 2,
    "ParallelAcquisitionTechnique": "SENSE",
    "ParallelReductionFactorInPlane": 2,
    "PatientPosition": "HFS",
    "PhaseEncodingDirection": "j",
    "PhilipsRescaleIntercept": 0,
    "PhilipsRescaleSlope": 0.78388,
    "PhilipsScaleSlope": 0.0606019,
    "ProtocolName": "WIPpiopwmSENSE",
    "PulseSequenceType": "gradient echo EPI",
    "ReconMatrixPE": 80,
    "RepetitionTime": 2,
    "SeriesDescription": "ImageMRSERIES",
    "SeriesNumber": 8,
    "SliceEncodingDirection": "k",
    "SliceTiming": [
      0.0,
      0.0541,
      0.1081,
      0.1622,
      0.2162,
      0.2703,
      0.3243,
      0.3784,
      0.4324,
      0.4865,
      0.5405,
      0.5946,
      0.6486,
      0.7027,
      0.7568,
      0.8108,
      0.8649,
      0.9189,
      0.973,
      1.027,
      1.0811,
      1.1351,
      1.1892,
      1.2432,
      1.2973,
      1.3514,
      1.4054,
      1.4595,
      1.5135,
      1.5676,
      1.6216,
      1.6757,
      1.7297,
      1.7838,
      1.8378,
      1.8919,
      1.9459
    ],
    "TaskName": "workingmemory",
    "TotalReadoutTime": 0.025822520692561732,
    "UsePhilipsFloatNotDisplayScaling": 1,
    "acq_id": "seq",
    "dataset": "ds002785",
    "modality": "bold",
    "subject_id": "0166",
    "task_id": "workingmemory"
  },
  "dummy_trs": 0,
  "dvars_nstd": 23.338961536086938,
  "dvars_std": 1.3273560003105582,
  "dvars_vstd": 1.02475707242236,
  "efc": 0.4333360049141418,
  "fber": 146299.421875,
  "fd_mean": 0.11501279756920128,
  "fd_num": 13,
  "fd_perc": 8.024691358024691,
  "fwhm_avg": 1.711244856396273,
  "fwhm_x": 1.6973933333333333,
  "fwhm_y": 1.7937866666666666,
  "fwhm_z": 1.6425545691888197,
  "gcor": 0.0176058,
  "gsr_x": -0.004949997644871473,
  "gsr_y": 0.012866589240729809,
  "provenance": {
    "md5sum": "425a3f87a4195dacb526d1427c96680d",
    "settings": {
      "fd_thres": 0.2,
      "testing": false
    },
    "software": "mriqc",
    "version": "22.0.0rc1",
    "webapi_port": null,
    "webapi_url": "https://mriqc.nimh.nih.gov/api/v1"
  },
  "size_t": 162,
  "size_x": 80,
  "size_y": 80,
  "size_z": 37,
  "snr": 6.245402603662771,
  "spacing_tr": 2.0,
  "spacing_x": 3.0,
  "spacing_y": 3.0,
  "spacing_z": 3.299999952316284,
  "summary_bg_k": 41.08842303309765,
  "summary_bg_mad": 72.38197176730631,
  "summary_bg_mean": 699.0393676757812,
  "summary_bg_median": 59.27515411376953,
  "summary_bg_n": 161521.0,
  "summary_bg_p05": 1.51420259475708,
  "summary_bg_p95": 3844.063720703125,
  "summary_bg_stdv": 1821.25,
  "summary_fg_k": 2.531213329224796,
  "summary_fg_mad": 3289.6843840732245,
  "summary_fg_mean": 23570.05078125,
  "summary_fg_median": 23188.9921875,
  "summary_fg_n": 34422.0,
  "summary_fg_p05": 18375.42421875,
  "summary_fg_p95": 29769.233691406243,
  "summary_fg_stdv": 3712.916015625,
  "tsnr": 83.49564361572266
}