{
  "aor": 0.003964518518518519,
  "aqi": 0.006254911037037038,
  "bids_meta": {
    "AcquisitionNumber": 5,
    "BidsifyVersion": "0.3.5",
    "ConversionSoftware": "dcm2niix",
    "ConversionSoftwareVersion": "v1.0.20181125  GCC6.3.0",
    "EchoTime": 0.02762,
    "EffectiveEchoSpacing": 0.0006621159151938905,
    "ImageComments": "piop",
    "ImageOrientationPatientDICOM": [
      0.996145,
      -0.0876718,
      0.00282743,
      0.0871514,
      0.99286,
      0.0814512
    ],
    "Manufacturer": "Philips",
    "NumberOfVolumesDiscardedByScanner": 2,
    "ParallelAcquisitionTechnique": "SENSE",
    "ParallelReductionFactorInPlane": 2,
    "PatientPosition": "HFS",
    "PhaseEncodingDirection": "j",
    "PhilipsRescaleIntercept": 0,
    "PhilipsRescaleSlope": 0.79731,
    "PhilipsScaleSlope": 0.060037,
    "ProtocolName": "WIPpiopharririSENSE",
    "PulseSequenceType": "gradient echo EPI",
    "ReconMatrixPE": 80,
    "RepetitionTime": 2,
    "SeriesDescription": "ImageMRSERIES",
    "SeriesNumber": 5,
    "SliceEncodingDirection": "k",
    "SliceTiming": [
      0.0,
      0.0541,
      0.1081,
      0.1622,
      0.2162,
      0.2703,
      0.3243,
      0.3784,
      0.4324,
      0.4865,
      0.5405,
      0.5946,
      0.6486,
      0.7027,
      0.7568,
      0.8108,
      0.8649,
      0.9189,
      0.973,
      1.027,
      1.0811,
      1.1351,
      1.1892,
      1.2432,
      1.2973,
      1.3514,
      1.4054,
      1.4595,
      1.5135,
      1.5676,
      1.6216,
      1.6757,
      1.7297,
      1.7838,
      1.8378,
      1.8919,
      1.9459
    ],
    "TaskName": "emomatching",
    "TotalReadoutTime": 0.025822520692561732,
    "UsePhilipsFloatNotDisplayScaling": 1,
    "acq_id": "seq",
    "dataset": "ds002785",
    "modality": "bold",
    "subject_id": "0166",
    "task_id": "emomatching"
  },
  "dummy_trs": 0,
  "dvars_nstd": 23.812671277089553,
  "dvars_std": 1.3287742540298502,
  "dvars_vstd": 1.0313881695522389,
  "efc": 0.43225138519410544,
  "fber": 145464.875,
  "fd_mean": 0.13890172363782624,
  "fd_num": 21,
  "fd_perc": 15.555555555555555,
  "fwhm_avg": 1.730161321083708,
  "fwhm_x": 1.7272133333333333,
  "fwhm_y": 1.81221,
  "fwhm_z": 1.6510606299177897,
  "gcor": 0.0249358,
  "gsr_x": -0.003748485818505287,
  "gsr_y": 0.012400616891682148,
  "provenance": {
    "md5sum": "33a1646fb91cea105ef64783e1bf97b6",
    "settings": {
      "fd_thres": 0.2,
      "testing": false
    },
    "software": "mriqc",
    "version": "22.0.0rc1",
    "webapi_port": null,
    "webapi_url": "https://mriqc.nimh.nih.gov/api/v1"
  },
  "size_t": 135,
  "size_x": 80,
  "size_y": 80,
  "size_z": 37,
  "snr": 6.181683932144119,
  "spacing_tr": 2.0,
  "spacing_x": 3.0,
  "spacing_y": 3.0,
  "spacing_z": 3.299999952316284,
  "summary_bg_k": 41.10176212985347,
  "summary_bg_mad": 73.10378340800378,
  "summary_bg_mean": 691.5282592773438,
  "summary_bg_median": 59.77857971191406,
  "summary_bg_n": 161502.0,
  "summary_bg_p05": 2.172904074192047,
  "summary_bg_p95": 3794.5524169921873,
  "summary_bg_stdv": 1804.0858154296875,
  "summary_fg_k": 2.2388858061052064,
  "summary_fg_mad": 3373.034427544836,
  "summary_fg_mean": 23813.13671875,
  "summary_fg_median": 23409.29296875,
  "summary_fg_n": 34474.0,
  "summary_fg_p05": 18432.565625,
  "summary_fg_p95": 30161.335644531246,
  "summary_fg_stdv": 3786.82470703125,
  "tsnr": 75.8891372680664
}