{
  "bids_meta": {
    "AcquisitionNumber": 4,
    "BidsifyVersion": "0.3.5",
    "ConversionSoftware": "dcm2niix",
    "ConversionSoftwareVersion": "v1.0.20181125  GCC6.3.0",
    "EchoTime": 0.00379,
    "ImageComments": "piop",
    "ImageOrientationPatientDICOM": [
      0.998349,
      -0.0502344,
      -0.0278563,
      0.0469063,
      0.992887,
      -0.109427
    ],
    "Manufacturer": "Philips",
    "PatientPosition": "HFS",
    "PhilipsRescaleIntercept": 0,
    "PhilipsRescaleSlope": 9.3033,
    "PhilipsScaleSlope": 0.00683402,
    "ProtocolName": "WIPt13dSENSE",
    "ReconMatrixPE": 240,
    "RepetitionTime": 0.008252,
    "SeriesDescription": "ImageMRSERIES",
    "SeriesNumber": 4,
    "UsePhilipsFloatNotDisplayScaling": 1,
    "dataset": "ds002785",
    "modality": "T1w",
    "subject_id": "0022"
  },
  "cjv": 0.25830574384609123,
  "cnr": 4.699235013365219,
  "efc": 0.7784526102425255,
  "fber": 668.4331665039062,
  "fwhm_avg": 4.63644343019804,
  "fwhm_x": 4.28899,
  "fwhm_y": 4.74498,
  "fwhm_z": 4.875360290594118,
  "icvs_csf": 0.25129351133145095,
  "icvs_gm": 0.4110437519371904,
  "icvs_wm": 0.3376627367313587,
  "inu_med": 1.9134458303451538,
  "inu_range": 0.5211285591125487,
  "provenance": {
    "md5sum": "bfb9f0cd28e29a530889be728e2791c8",
    "settings": {
      "testing": false
    },
    "software": "mriqc",
    "version": "22.0.0rc1",
    "warnings": {
      "large_rot_frame": true,
      "small_air_mask": true
    },
    "webapi_port": null,
    "webapi_url": "https://mriqc.nimh.nih.gov/api/v1"
  },
  "qi_1": 0.0,
  "qi_2": 0.00010095329942263109,
  "rpve_csf": 22.84837130850876,
  "rpve_gm": 13.968465273365583,
  "rpve_wm": 21.4115173935662,
  "size_x": 240,
  "size_y": 240,
  "size_z": 220,
  "snr_csf": 2.911156175433435,
  "snr_gm": 9.830276615425422,
  "snr_total": 12.056162255234213,
  "snr_wm": 23.427053974843787,
  "snrd_csf": 21.291231719488014,
  "snrd_gm": 45.78012375006588,
  "snrd_total": 46.418553193079354,
  "snrd_wm": 72.18430410968418,
  "spacing_x": 1.0,
  "spacing_y": 1.0,
  "spacing_z": 0.9999999403953552,
  "summary_bg_k": 304.72255121255506,
  "summary_bg_mad": 9.075890188210652,
  "summary_bg_mean": 9.291196823120117,
  "summary_bg_median": 6.29805326461792,
  "summary_bg_n": 142816.0,
  "summary_bg_p05": 0.0,
  "summary_bg_p95": 19.09422254562378,
  "summary_bg_stdv": 8.650089263916016,
  "summary_csf_k": -0.6064913783273536,
  "summary_csf_mad": 115.31795250398886,
  "summary_csf_mean": 286.1187438964844,
  "summary_csf_median": 294.95672607421875,
  "summary_csf_n": 13222.0,
  "summary_csf_p05": 119.09596786499024,
  "summary_csf_p95": 435.36551818847636,
  "summary_csf_stdv": 101.31561279296875,
  "summary_gm_k": 0.6889686633791476,
  "summary_gm_mad": 58.35710191059388,
  "summary_gm_mean": 639.2736206054688,
  "summary_gm_median": 634.2120361328125,
  "summary_gm_n": 27170.0,
  "summary_gm_p05": 541.8569549560547,
  "summary_gm_p95": 755.0240447998046,
  "summary_gm_stdv": 64.51500701904297,
  "summary_wm_k": 1.5163399490270564,
  "summary_wm_mad": 36.128203609112916,
  "summary_wm_mean": 997.2730712890625,
  "summary_wm_median": 1000.0006713867188,
  "summary_wm_n": 196730.0,
  "summary_wm_p05": 921.7641479492188,
  "summary_wm_p95": 1061.288671875,
  "summary_wm_stdv": 42.685611724853516,
  "tpm_overlap_csf": 0.17330294847488403,
  "tpm_overlap_gm": 0.4577403664588928,
  "tpm_overlap_wm": 0.5178408622741699,
  "wm2max": 0.7233894896528887
}