{
  "bids_meta": {
    "AcquisitionNumber": 4,
    "BidsifyVersion": "0.3.5",
    "ConversionSoftware": "dcm2niix",
    "ConversionSoftwareVersion": "v1.0.20181125  GCC6.3.0",
    "EchoTime": 0.00377,
    "ImageComments": "piop",
    "ImageOrientationPatientDICOM": [
      0.999631,
      -0.0124327,
      -0.0241389,
      0.0151799,
      0.992994,
      0.117184
    ],
    "Manufacturer": "Philips",
    "PatientPosition": "HFS",
    "PhilipsRescaleIntercept": 0,
    "PhilipsRescaleSlope": 8.93016,
    "PhilipsScaleSlope": 0.00696187,
    "ProtocolName": "WIPt13dSENSE",
    "ReconMatrixPE": 240,
    "RepetitionTime": 0.008222,
    "SeriesDescription": "ImageMRSERIES",
    "SeriesNumber": 4,
    "UsePhilipsFloatNotDisplayScaling": 1,
    "dataset": "ds002785",
    "modality": "T1w",
    "subject_id": "0196"
  },
  "cjv": 0.2852874286118657,
  "cnr": 4.071530469454595,
  "efc": 0.7642803924580748,
  "fber": 1267.3929443359375,
  "fwhm_avg": 4.0936334064384345,
  "fwhm_x": 4.20875,
  "fwhm_y": 4.39265,
  "fwhm_z": 3.6795002193153037,
  "icvs_csf": 0.2528987906743623,
  "icvs_gm": 0.40720469475681814,
  "icvs_wm": 0.3398965145688196,
  "inu_med": 0.7388066649436951,
  "inu_range": 0.2851772606372833,
  "provenance": {
    "md5sum": "f671da0f32e24982e559171422a2d02f",
    "settings": {
      "testing": false
    },
    "software": "mriqc",
    "version": "22.0.0rc1",
    "warnings": {
      "large_rot_frame": true,
      "small_air_mask": true
    },
    "webapi_port": null,
    "webapi_url": "https://mriqc.nimh.nih.gov/api/v1"
  },
  "qi_1": 0.0,
  "qi_2": 0.00015431750738324388,
  "rpve_csf": 25.373796427134693,
  "rpve_gm": 15.830300211277155,
  "rpve_wm": 24.703190103528996,
  "size_x": 240,
  "size_y": 240,
  "size_z": 220,
  "snr_csf": 3.6620728899240254,
  "snr_gm": 7.410646687669251,
  "snr_total": 10.876191566678779,
  "snr_wm": 21.55585512244306,
  "snrd_csf": 24.21100825599533,
  "snrd_gm": 40.63697756410138,
  "snrd_total": 43.75958184509809,
  "snrd_wm": 66.43075971519755,
  "spacing_x": 1.0,
  "spacing_y": 1.0,
  "spacing_z": 0.9999999403953552,
  "summary_bg_k": 176.78658759759819,
  "summary_bg_mad": 9.86199735096151,
  "summary_bg_mean": 13.491449356079102,
  "summary_bg_median": 11.551224708557129,
  "summary_bg_n": 162538.0,
  "summary_bg_p05": 0.0,
  "summary_bg_p95": 32.89947452545165,
  "summary_bg_stdv": 11.353438377380371,
  "summary_csf_k": 0.7019732112303072,
  "summary_csf_mad": 80.16401871821216,
  "summary_csf_mean": 343.3652648925781,
  "summary_csf_median": 364.456787109375,
  "summary_csf_n": 7292.0,
  "summary_csf_p05": 140.31100463867188,
  "summary_csf_p95": 472.7160995483398,
  "summary_csf_stdv": 99.51516723632812,
  "summary_gm_k": 0.5319571037529087,
  "summary_gm_mad": 71.63016523500025,
  "summary_gm_mean": 620.49365234375,
  "summary_gm_median": 611.72265625,
  "summary_gm_n": 16260.0,
  "summary_gm_p05": 498.0857208251953,
  "summary_gm_p95": 776.0622741699218,
  "summary_gm_stdv": 82.5439224243164,
  "summary_wm_k": 1.8306253736810865,
  "summary_wm_mad": 39.142046882333034,
  "summary_wm_mean": 995.7178955078125,
  "summary_wm_median": 1000.0054931640625,
  "summary_wm_n": 171856.0,
  "summary_wm_p05": 911.0153656005859,
  "summary_wm_p95": 1061.4198303222656,
  "summary_wm_stdv": 46.39122772216797,
  "tpm_overlap_csf": 0.1463000327348709,
  "tpm_overlap_gm": 0.44159501791000366,
  "tpm_overlap_wm": 0.4956299960613251,
  "wm2max": 0.6324290411158442
}