{
  "aor": 0.0006542507645259937,
  "aqi": 0.00668454758409786,
  "bids_meta": {
    "AcquisitionNumber": 2,
    "BidsifyVersion": "0.3.5",
    "ConversionSoftware": "dcm2niix",
    "ConversionSoftwareVersion": "v1.0.20181125  GCC6.3.0",
    "EchoTime": 0.02762,
    "EffectiveEchoSpacing": 0.0006333282667071997,
    "ImageComments": "piop",
    "ImageOrientationPatientDICOM": [
      0.998738,
      0.0271689,
      -0.0422305,
      -0.036273,
      0.971902,
      -0.232575
    ],
    "Manufacturer": "Philips",
    "NumberOfVolumesDiscardedByScanner": 2,
    "ParallelAcquisitionTechnique": "SENSE",
    "ParallelReductionFactorInPlane": 2,
    "PatientPosition": "HFS",
    "PhaseEncodingDirection": "j",
    "PhilipsRescaleIntercept": 0,
    "PhilipsRescaleSlope": 0.82979,
    "PhilipsScaleSlope": 0.0923182,
    "ProtocolName": "WIPpiopfacesSENSE",
    "PulseSequenceType": "gradient echo EPI",
    "ReconMatrixPE": 80,
    "RepetitionTime": 0.75,
    "SeriesDescription": "ImageMRSERIES",
    "SeriesNumber": 2,
    "SliceEncodingDirection": "k",
    "SliceTiming": [
      0.0,
      0.06755050505050506,
      0.1351010101010101,
      0.20265151515151517,
      0.2702020202020202,
      0.3377525252525253,
      0.40530303030303033,
      0.47285353535353536,
      0.5404040404040404,
      0.6079545454545455,
      0.6755050505050506,
      0.7430555555555556,
      0.0,
      0.06755050505050506,
      0.1351010101010101,
      0.20265151515151517,
      0.2702020202020202,
      0.3377525252525253,
      0.40530303030303033,
      0.47285353535353536,
      0.5404040404040404,
      0.6079545454545455,
      0.6755050505050506,
      0.7430555555555556,
      0.0,
      0.06755050505050506,
      0.1351010101010101,
      0.20265151515151517,
      0.2702020202020202,
      0.3377525252525253,
      0.40530303030303033,
      0.47285353535353536,
      0.5404040404040404,
      0.6079545454545455,
      0.6755050505050506,
      0.7430555555555556
    ],
    "TaskName": "faces",
    "TotalReadoutTime": 0.024699802401580786,
    "UsePhilipsFloatNotDisplayScaling": 1,
    "acq_id": "mb3",
    "dataset": "ds002785",
    "modality": "bold",
    "subject_id": "0160",
    "task_id": "faces"
  },
  "dummy_trs": 3,
  "dvars_nstd": 27.5574495397546,
  "dvars_std": 1.1027237687116564,
  "dvars_vstd": 1.0076285752760725,
  "efc": 0.4254105328345897,
  "fber": 161215.203125,
  "fd_mean": 0.09430226613108444,
  "fd_num": 7,
  "fd_perc": 2.140672782874618,
  "fwhm_avg": 1.9106869784021743,
  "fwhm_x": 1.9185933333333332,
  "fwhm_y": 2.00611,
  "fwhm_z": 1.8073576018731896,
  "gcor": 0.013116,
  "gsr_x": -0.01713819056749344,
  "gsr_y": 0.009398999623954296,
  "provenance": {
    "md5sum": "8120c7e03346d2e27966890d7ef2544d",
    "settings": {
      "fd_thres": 0.2,
      "testing": false
    },
    "software": "mriqc",
    "version": "22.0.0rc1",
    "webapi_port": null,
    "webapi_url": "https://mriqc.nimh.nih.gov/api/v1"
  },
  "size_t": 327,
  "size_x": 80,
  "size_y": 80,
  "size_z": 36,
  "snr": 5.600758241217685,
  "spacing_tr": 0.75,
  "spacing_x": 3.0,
  "spacing_y": 3.0,
  "spacing_z": 3.299999952316284,
  "summary_bg_k": 47.271702408679076,
  "summary_bg_mad": 44.20011045239055,
  "summary_bg_mean": 387.1182861328125,
  "summary_bg_median": 41.261756896972656,
  "summary_bg_n": 155298.0,
  "summary_bg_p05": 1.950556743144989,
  "summary_bg_p95": 1805.053204345702,
  "summary_bg_stdv": 1224.5718994140625,
  "summary_fg_k": 0.717336524490161,
  "summary_fg_mad": 2820.0107693586856,
  "summary_fg_mean": 17157.279296875,
  "summary_fg_median": 16996.89453125,
  "summary_fg_n": 34109.0,
  "summary_fg_p05": 12448.338671875,
  "summary_fg_p95": 22291.5859375,
  "summary_fg_stdv": 3034.704345703125,
  "tsnr": 53.55854034423828
}