{
  "aor": 0.0028224,
  "aqi": 0.0061888206000000005,
  "bids_meta": {
    "AcquisitionNumber": 9,
    "BidsifyVersion": "0.3.5",
    "ConversionSoftware": "dcm2niix",
    "ConversionSoftwareVersion": "v1.0.20181125  GCC6.3.0",
    "EchoTime": 0.02762,
    "EffectiveEchoSpacing": 0.0006621159151938905,
    "ImageComments": "piop",
    "ImageOrientationPatientDICOM": [
      0.995915,
      -0.0895419,
      0.0116258,
      0.0901096,
      0.977401,
      -0.191225
    ],
    "Manufacturer": "Philips",
    "NumberOfVolumesDiscardedByScanner": 2,
    "ParallelAcquisitionTechnique": "SENSE",
    "ParallelReductionFactorInPlane": 2,
    "PatientPosition": "HFS",
    "PhaseEncodingDirection": "j",
    "PhilipsRescaleIntercept": 0,
    "PhilipsRescaleSlope": 0.81099,
    "PhilipsScaleSlope": 0.0542372,
    "ProtocolName": "WIPpiopanticipatieSENSE",
    "PulseSequenceType": "gradient echo EPI",
    "ReconMatrixPE": 80,
    "RepetitionTime": 2,
    "SeriesDescription": "ImageMRSERIES",
    "SeriesNumber": 9,
    "SliceEncodingDirection": "k",
    "SliceTiming": [
      0.0,
      0.0541,
      0.1081,
      0.1622,
      0.2162,
      0.2703,
      0.3243,
      0.3784,
      0.4324,
      0.4865,
      0.5405,
      0.5946,
      0.6486,
      0.7027,
      0.7568,
      0.8108,
      0.8649,
      0.9189,
      0.973,
      1.027,
      1.0811,
      1.1351,
      1.1892,
      1.2432,
      1.2973,
      1.3514,
      1.4054,
      1.4595,
      1.5135,
      1.5676,
      1.6216,
      1.6757,
      1.7297,
      1.7838,
      1.8378,
      1.8919,
      1.9459
    ],
    "TaskName": "anticipation",
    "TotalReadoutTime": 0.025822520692561732,
    "UsePhilipsFloatNotDisplayScaling": 1,
    "acq_id": "seq",
    "dataset": "ds002785",
    "modality": "bold",
    "subject_id": "0062",
    "task_id": "anticipation"
  },
  "dummy_trs": 0,
  "dvars_nstd": 20.58162587100503,
  "dvars_std": 1.2163781167336691,
  "dvars_vstd": 1.0009120439698493,
  "efc": 0.41508262491822157,
  "fber": 148524.859375,
  "fd_mean": 0.1517459601313387,
  "fd_num": 40,
  "fd_perc": 20.0,
  "fwhm_avg": 1.8296970788695976,
  "fwhm_x": 1.7590366666666668,
  "fwhm_y": 2.0353666666666665,
  "fwhm_z": 1.6946879032754594,
  "gcor": 0.0290833,
  "gsr_x": -0.02351486310362816,
  "gsr_y": 0.02368493750691414,
  "provenance": {
    "md5sum": "418eec038b78a6c9bee3588056673bfd",
    "settings": {
      "fd_thres": 0.2,
      "testing": false
    },
    "software": "mriqc",
    "version": "22.0.0rc1",
    "webapi_port": null,
    "webapi_url": "https://mriqc.nimh.nih.gov/api/v1"
  },
  "size_t": 200,
  "size_x": 80,
  "size_y": 80,
  "size_z": 37,
  "snr": 5.674138079115411,
  "spacing_tr": 2.0,
  "spacing_x": 3.0,
  "spacing_y": 3.0,
  "spacing_z": 3.299999952316284,
  "summary_bg_k": 73.36941695760686,
  "summary_bg_mad": 65.24067785706826,
  "summary_bg_mean": 561.84814453125,
  "summary_bg_median": 61.506507873535156,
  "summary_bg_n": 162310.0,
  "summary_bg_p05": 5.364846062660218,
  "summary_bg_p95": 2761.7646728515565,
  "summary_bg_stdv": 1704.2545166015625,
  "summary_fg_k": 2.0908284714956595,
  "summary_fg_mad": 3814.4864773735244,
  "summary_fg_mean": 24679.71484375,
  "summary_fg_median": 24292.9296875,
  "summary_fg_n": 33247.0,
  "summary_fg_p05": 18546.6833984375,
  "summary_fg_p95": 31907.553515624997,
  "summary_fg_stdv": 4281.2783203125,
  "tsnr": 71.609375
}