{
  "aor": 0.0021533891213389115,
  "aqi": 0.012956810753138077,
  "bids_meta": {
    "AcquisitionNumber": 6,
    "BidsifyVersion": "0.3.5",
    "ConversionSoftware": "dcm2niix",
    "ConversionSoftwareVersion": "v1.0.20181125  GCC6.3.0",
    "EchoTime": 0.02762,
    "EffectiveEchoSpacing": 0.0006333282667071997,
    "ImageComments": "piop",
    "ImageOrientationPatientDICOM": [
      0.995915,
      -0.0895419,
      0.0116258,
      0.0901096,
      0.977401,
      -0.191225
    ],
    "Manufacturer": "Philips",
    "NumberOfVolumesDiscardedByScanner": 2,
    "ParallelAcquisitionTechnique": "SENSE",
    "ParallelReductionFactorInPlane": 2,
    "PatientPosition": "HFS",
    "PhaseEncodingDirection": "j",
    "PhilipsRescaleIntercept": 0,
    "PhilipsRescaleSlope": 0.80659,
    "PhilipsScaleSlope": 0.0891198,
    "ProtocolName": "WIPpioprsSENSE",
    "PulseSequenceType": "gradient echo EPI",
    "ReconMatrixPE": 80,
    "RepetitionTime": 0.75,
    "SeriesDescription": "ImageMRSERIES",
    "SeriesNumber": 6,
    "SliceEncodingDirection": "k",
    "SliceTiming": [
      0.0,
      0.06755050505050506,
      0.1351010101010101,
      0.20265151515151517,
      0.2702020202020202,
      0.3377525252525253,
      0.40530303030303033,
      0.47285353535353536,
      0.5404040404040404,
      0.6079545454545455,
      0.6755050505050506,
      0.7430555555555556,
      0.0,
      0.06755050505050506,
      0.1351010101010101,
      0.20265151515151517,
      0.2702020202020202,
      0.3377525252525253,
      0.40530303030303033,
      0.47285353535353536,
      0.5404040404040404,
      0.6079545454545455,
      0.6755050505050506,
      0.7430555555555556,
      0.0,
      0.06755050505050506,
      0.1351010101010101,
      0.20265151515151517,
      0.2702020202020202,
      0.3377525252525253,
      0.40530303030303033,
      0.47285353535353536,
      0.5404040404040404,
      0.6079545454545455,
      0.6755050505050506,
      0.7430555555555556
    ],
    "TaskName": "restingstate",
    "TotalReadoutTime": 0.024699802401580786,
    "UsePhilipsFloatNotDisplayScaling": 1,
    "acq_id": "mb3",
    "dataset": "ds002785",
    "modality": "bold",
    "subject_id": "0062",
    "task_id": "restingstate"
  },
  "dummy_trs": 2,
  "dvars_nstd": 29.41677844044024,
  "dvars_std": 1.170532786226416,
  "dvars_vstd": 1.0203463332704399,
  "efc": 0.4225394216024721,
  "fber": 142357.265625,
  "fd_mean": 0.11517008884800424,
  "fd_num": 45,
  "fd_perc": 9.414225941422593,
  "fwhm_avg": 1.9460188975796877,
  "fwhm_x": 1.8802033333333332,
  "fwhm_y": 2.1534866666666668,
  "fwhm_z": 1.8043666927390634,
  "gcor": 0.0322528,
  "gsr_x": -0.025569388642907143,
  "gsr_y": 0.021385736763477325,
  "provenance": {
    "md5sum": "e617e29f36511b34137966e227ed18dd",
    "settings": {
      "fd_thres": 0.2,
      "testing": false
    },
    "software": "mriqc",
    "version": "22.0.0rc1",
    "webapi_port": null,
    "webapi_url": "https://mriqc.nimh.nih.gov/api/v1"
  },
  "size_t": 478,
  "size_x": 80,
  "size_y": 80,
  "size_z": 36,
  "snr": 6.4857122584739875,
  "spacing_tr": 0.75,
  "spacing_x": 3.0,
  "spacing_y": 3.0,
  "spacing_z": 3.299999952316284,
  "summary_bg_k": 50.9539104377593,
  "summary_bg_mad": 52.777899368071566,
  "summary_bg_mean": 432.990478515625,
  "summary_bg_median": 46.531742095947266,
  "summary_bg_n": 157265.0,
  "summary_bg_p05": 3.443320083618164,
  "summary_bg_p95": 2152.982421875,
  "summary_bg_stdv": 1223.4984130859375,
  "summary_fg_k": 1.4177774194093038,
  "summary_fg_mad": 2516.974983877023,
  "summary_fg_mean": 17840.544921875,
  "summary_fg_median": 17883.65625,
  "summary_fg_n": 32664.0,
  "summary_fg_p05": 13370.4234375,
  "summary_fg_p95": 22200.633984375,
  "summary_fg_stdv": 2757.3505859375,
  "tsnr": 46.09413528442383
}