{
  "aor": 0.0031960493827160492,
  "aqi": 0.005221796728395062,
  "bids_meta": {
    "AcquisitionNumber": 8,
    "BidsifyVersion": "0.3.5",
    "ConversionSoftware": "dcm2niix",
    "ConversionSoftwareVersion": "v1.0.20181125  GCC6.3.0",
    "EchoTime": 0.02762,
    "EffectiveEchoSpacing": 0.0006621159151938905,
    "ImageComments": "piop",
    "ImageOrientationPatientDICOM": [
      0.995915,
      -0.0895419,
      0.0116258,
      0.0901096,
      0.977401,
      -0.191225
    ],
    "Manufacturer": "Philips",
    "NumberOfVolumesDiscardedByScanner": 2,
    "ParallelAcquisitionTechnique": "SENSE",
    "ParallelReductionFactorInPlane": 2,
    "PatientPosition": "HFS",
    "PhaseEncodingDirection": "j",
    "PhilipsRescaleIntercept": 0,
    "PhilipsRescaleSlope": 0.77094,
    "PhilipsScaleSlope": 0.0557148,
    "ProtocolName": "WIPpiopwmSENSE",
    "PulseSequenceType": "gradient echo EPI",
    "ReconMatrixPE": 80,
    "RepetitionTime": 2,
    "SeriesDescription": "ImageMRSERIES",
    "SeriesNumber": 8,
    "SliceEncodingDirection": "k",
    "SliceTiming": [
      0.0,
      0.0541,
      0.1081,
      0.1622,
      0.2162,
      0.2703,
      0.3243,
      0.3784,
      0.4324,
      0.4865,
      0.5405,
      0.5946,
      0.6486,
      0.7027,
      0.7568,
      0.8108,
      0.8649,
      0.9189,
      0.973,
      1.027,
      1.0811,
      1.1351,
      1.1892,
      1.2432,
      1.2973,
      1.3514,
      1.4054,
      1.4595,
      1.5135,
      1.5676,
      1.6216,
      1.6757,
      1.7297,
      1.7838,
      1.8378,
      1.8919,
      1.9459
    ],
    "TaskName": "workingmemory",
    "TotalReadoutTime": 0.025822520692561732,
    "UsePhilipsFloatNotDisplayScaling": 1,
    "acq_id": "seq",
    "dataset": "ds002785",
    "modality": "bold",
    "subject_id": "0062",
    "task_id": "workingmemory"
  },
  "dummy_trs": 0,
  "dvars_nstd": 17.367081464534156,
  "dvars_std": 1.1585438532919252,
  "dvars_vstd": 1.0016578721739136,
  "efc": 0.4165381227154415,
  "fber": 136108.265625,
  "fd_mean": 0.1003279427441459,
  "fd_num": 3,
  "fd_perc": 1.8518518518518519,
  "fwhm_avg": 1.8207474828852186,
  "fwhm_x": 1.75032,
  "fwhm_y": 2.02238,
  "fwhm_z": 1.6895424486556552,
  "gcor": 0.0137081,
  "gsr_x": -0.023273127153515816,
  "gsr_y": 0.023628249764442444,
  "provenance": {
    "md5sum": "43b975a1ab0663456af588e41887a629",
    "settings": {
      "fd_thres": 0.2,
      "testing": false
    },
    "software": "mriqc",
    "version": "22.0.0rc1",
    "webapi_port": null,
    "webapi_url": "https://mriqc.nimh.nih.gov/api/v1"
  },
  "size_t": 162,
  "size_x": 80,
  "size_y": 80,
  "size_z": 37,
  "snr": 5.710595506886953,
  "spacing_tr": 2.0,
  "spacing_x": 3.0,
  "spacing_y": 3.0,
  "spacing_z": 3.299999952316284,
  "summary_bg_k": 75.03880895566225,
  "summary_bg_mad": 72.50375832306266,
  "summary_bg_mean": 563.9783935546875,
  "summary_bg_median": 64.92442321777344,
  "summary_bg_n": 162011.0,
  "summary_bg_p05": 5.379610300064087,
  "summary_bg_p95": 2763.6243896484375,
  "summary_bg_stdv": 1695.4810791015625,
  "summary_fg_k": 2.1933093434530484,
  "summary_fg_mad": 3794.184672385355,
  "summary_fg_mean": 24800.01171875,
  "summary_fg_median": 24431.912109375,
  "summary_fg_n": 33516.0,
  "summary_fg_p05": 18649.8779296875,
  "summary_fg_p95": 31970.626953125,
  "summary_fg_stdv": 4278.28369140625,
  "tsnr": 76.1990966796875
}