{
  "bids_meta": {
    "AcquisitionNumber": 4,
    "BidsifyVersion": "0.3.5",
    "ConversionSoftware": "dcm2niix",
    "ConversionSoftwareVersion": "v1.0.20181125  GCC6.3.0",
    "EchoTime": 0.00381,
    "ImageComments": "piop",
    "ImageOrientationPatientDICOM": [
      0.999325,
      0.0343901,
      0.0128922,
      -0.0319288,
      0.986957,
      -0.157789
    ],
    "Manufacturer": "Philips",
    "PatientPosition": "HFS",
    "PhilipsRescaleIntercept": 0,
    "PhilipsRescaleSlope": 9.28254,
    "PhilipsScaleSlope": 0.00725843,
    "ProtocolName": "WIPt13dSENSE",
    "ReconMatrixPE": 240,
    "RepetitionTime": 0.008287,
    "SeriesDescription": "ImageMRSERIES",
    "SeriesNumber": 4,
    "UsePhilipsFloatNotDisplayScaling": 1,
    "dataset": "ds002785",
    "modality": "T1w",
    "subject_id": "0139"
  },
  "cjv": 0.3104675559334741,
  "cnr": 3.9407361695427903,
  "efc": 0.7779069581233686,
  "fber": 529.999267578125,
  "fwhm_avg": 3.491673469424057,
  "fwhm_x": 3.528830210334671,
  "fwhm_y": 3.62535,
  "fwhm_z": 3.3208401979375,
  "icvs_csf": 0.18666170326716622,
  "icvs_gm": 0.44359833154901634,
  "icvs_wm": 0.3697399651838174,
  "inu_med": 0.6362742185592651,
  "inu_range": 0.24716108739376064,
  "provenance": {
    "md5sum": "8b30a94175919f8d500f847535c8531e",
    "settings": {
      "testing": false
    },
    "software": "mriqc",
    "version": "22.0.0rc1",
    "warnings": {
      "large_rot_frame": true,
      "small_air_mask": true
    },
    "webapi_port": null,
    "webapi_url": "https://mriqc.nimh.nih.gov/api/v1"
  },
  "qi_1": 0.0,
  "qi_2": 0.0001260818478830659,
  "rpve_csf": 32.86572790803997,
  "rpve_gm": 15.600643813209391,
  "rpve_wm": 22.95885750296425,
  "size_x": 240,
  "size_y": 240,
  "size_z": 220,
  "snr_csf": 2.509792598646579,
  "snr_gm": 7.599487261709212,
  "snr_total": 9.635191898336942,
  "snr_wm": 18.79629583465503,
  "snrd_csf": 19.948987236961333,
  "snrd_gm": 33.84487437720464,
  "snrd_total": 36.32236715126282,
  "snrd_wm": 55.17323983962246,
  "spacing_x": 0.9999999403953552,
  "spacing_y": 1.0,
  "spacing_z": 0.9999999403953552,
  "summary_bg_k": 465.5562050237825,
  "summary_bg_mad": 11.87412485289889,
  "summary_bg_mean": 17.562156677246094,
  "summary_bg_median": 16.014904022216797,
  "summary_bg_n": 170304.0,
  "summary_bg_p05": 0.0,
  "summary_bg_p95": 40.24072895050049,
  "summary_bg_stdv": 16.644271850585938,
  "summary_csf_k": -1.1386108900505993,
  "summary_csf_mad": 164.0944479307261,
  "summary_csf_mean": 330.9960632324219,
  "summary_csf_median": 361.5686340332031,
  "summary_csf_n": 3127.0,
  "summary_csf_p05": 98.32931900024414,
  "summary_csf_p95": 520.5243835449219,
  "summary_csf_stdv": 144.0401153564453,
  "summary_gm_k": 0.5309760420832084,
  "summary_gm_mad": 73.93872276047667,
  "summary_gm_mean": 618.2754516601562,
  "summary_gm_median": 613.4268798828125,
  "summary_gm_n": 20953.0,
  "summary_gm_p05": 492.49732666015626,
  "summary_gm_p95": 759.4394409179686,
  "summary_gm_stdv": 80.71758270263672,
  "summary_wm_k": 1.2299088716502418,
  "summary_wm_mad": 46.07853311630083,
  "summary_wm_mean": 994.475830078125,
  "summary_wm_median": 999.9962768554688,
  "summary_wm_n": 175396.0,
  "summary_wm_p05": 895.485107421875,
  "summary_wm_p95": 1070.6398620605469,
  "summary_wm_stdv": 53.201622009277344,
  "tpm_overlap_csf": 0.1607610583305359,
  "tpm_overlap_gm": 0.4461570084095001,
  "tpm_overlap_wm": 0.4953179955482483,
  "wm2max": 0.6107042299903619
}