{
  "bids_meta": {
    "AcquisitionNumber": 4,
    "BidsifyVersion": "0.3.5",
    "ConversionSoftware": "dcm2niix",
    "ConversionSoftwareVersion": "v1.0.20181125  GCC6.3.0",
    "EchoTime": 0.00373,
    "ImageComments": "Piop",
    "ImageOrientationPatientDICOM": [
      0.998,
      -0.0602323,
      0.0191929,
      0.060341,
      0.998165,
      -0.00513418
    ],
    "Manufacturer": "Philips",
    "PatientPosition": "HFS",
    "PhilipsRescaleIntercept": 0,
    "PhilipsRescaleSlope": 9.13626,
    "PhilipsScaleSlope": 0.00740274,
    "ProtocolName": "WIPt13dSENSE",
    "ReconMatrixPE": 240,
    "RepetitionTime": 0.008127,
    "SeriesDescription": "ImageMRSERIES",
    "SeriesNumber": 4,
    "UsePhilipsFloatNotDisplayScaling": 1,
    "dataset": "ds002785",
    "modality": "T1w",
    "subject_id": "0059"
  },
  "cjv": 0.33458540427528044,
  "cnr": 3.696677720001447,
  "efc": 0.7625811119839958,
  "fber": 1634.5067138671875,
  "fwhm_avg": 3.952883404774868,
  "fwhm_x": 4.07179,
  "fwhm_y": 4.19109,
  "fwhm_z": 3.5957702143246064,
  "icvs_csf": 0.2396414104864194,
  "icvs_gm": 0.39996004322691203,
  "icvs_wm": 0.36039854628666856,
  "inu_med": 0.368014395236969,
  "inu_range": 0.14836767017841335,
  "provenance": {
    "md5sum": "402753f32dc6b6a403b6b107b36e2205",
    "settings": {
      "testing": false
    },
    "software": "mriqc",
    "version": "22.0.0rc1",
    "warnings": {
      "large_rot_frame": true,
      "small_air_mask": true
    },
    "webapi_port": null,
    "webapi_url": "https://mriqc.nimh.nih.gov/api/v1"
  },
  "qi_1": 0.0,
  "qi_2": 9.349636870310574e-05,
  "rpve_csf": 25.870446453590915,
  "rpve_gm": 15.330862239160009,
  "rpve_wm": 22.265321120366036,
  "size_x": 240,
  "size_y": 240,
  "size_z": 220,
  "snr_csf": 3.2538685588668037,
  "snr_gm": 7.511524734986675,
  "snr_total": 10.201356918356211,
  "snr_wm": 19.838677461215156,
  "snrd_csf": 23.70930057974953,
  "snrd_gm": 39.317944060817034,
  "snrd_total": 41.6670705296136,
  "snrd_wm": 61.97396694827424,
  "spacing_x": 1.0,
  "spacing_y": 1.0,
  "spacing_z": 0.9999999403953552,
  "summary_bg_k": 4.116814547522019,
  "summary_bg_mad": 10.571133820521705,
  "summary_bg_mean": 10.54447078704834,
  "summary_bg_median": 8.111808776855469,
  "summary_bg_n": 120442.0,
  "summary_bg_p05": 0.0,
  "summary_bg_p95": 30.382619476318357,
  "summary_bg_stdv": 10.282219886779785,
  "summary_csf_k": 15.341688040856123,
  "summary_csf_mad": 94.77342841177966,
  "summary_csf_mean": 358.1813659667969,
  "summary_csf_median": 382.5679626464844,
  "summary_csf_n": 10119.0,
  "summary_csf_p05": 113.05633316040038,
  "summary_csf_p95": 501.7330169677735,
  "summary_csf_stdv": 117.56745910644531,
  "summary_gm_k": 0.2845145158935334,
  "summary_gm_mad": 79.4484396353638,
  "summary_gm_mean": 638.9666137695312,
  "summary_gm_median": 634.425537109375,
  "summary_gm_n": 17754.0,
  "summary_gm_p05": 509.81886138916013,
  "summary_gm_p95": 790.2593322753903,
  "summary_gm_stdv": 84.4579086303711,
  "summary_wm_k": 1.5991090155676835,
  "summary_wm_mad": 42.866786336496745,
  "summary_wm_mean": 996.8947143554688,
  "summary_wm_median": 999.998046875,
  "summary_wm_n": 187422.0,
  "summary_wm_p05": 907.0906066894531,
  "summary_wm_p95": 1072.202032470703,
  "summary_wm_stdv": 50.40635299682617,
  "tpm_overlap_csf": 0.15969517827033997,
  "tpm_overlap_gm": 0.4451662302017212,
  "tpm_overlap_wm": 0.5076043605804443,
  "wm2max": 0.6156917679664929
}