{
  "bids_meta": {
    "AcquisitionNumber": 4,
    "BidsifyVersion": "0.3.5",
    "ConversionSoftware": "dcm2niix",
    "ConversionSoftwareVersion": "v1.0.20181125  GCC6.3.0",
    "EchoTime": 0.00381,
    "ImageComments": "piop",
    "ImageOrientationPatientDICOM": [
      0.993627,
      -0.100061,
      -0.051899,
      0.104084,
      0.99121,
      0.0816716
    ],
    "Manufacturer": "Philips",
    "PatientPosition": "HFS",
    "PhilipsRescaleIntercept": 0,
    "PhilipsRescaleSlope": 9.19194,
    "PhilipsScaleSlope": 0.00754452,
    "ProtocolName": "WIPt13dSENSE",
    "ReconMatrixPE": 240,
    "RepetitionTime": 0.008275,
    "SeriesDescription": "ImageMRSERIES",
    "SeriesNumber": 4,
    "UsePhilipsFloatNotDisplayScaling": 1,
    "dataset": "ds002785",
    "modality": "T1w",
    "subject_id": "0034"
  },
  "cjv": 0.3209377525742043,
  "cnr": 3.9975985248789736,
  "efc": 0.7638067853653191,
  "fber": 933.5548706054688,
  "fwhm_avg": 3.5519466666666664,
  "fwhm_x": 3.56659,
  "fwhm_y": 3.68308,
  "fwhm_z": 3.40617,
  "icvs_csf": 0.1889820399512929,
  "icvs_gm": 0.434899761287586,
  "icvs_wm": 0.37611819876112107,
  "inu_med": 1.7539259195327759,
  "inu_range": 0.41589025259017953,
  "provenance": {
    "md5sum": "dd9bab48156f5ad355073c30de7cd2b5",
    "settings": {
      "testing": false
    },
    "software": "mriqc",
    "version": "22.0.0rc1",
    "warnings": {
      "large_rot_frame": true,
      "small_air_mask": true
    },
    "webapi_port": null,
    "webapi_url": "https://mriqc.nimh.nih.gov/api/v1"
  },
  "qi_1": 0.0,
  "qi_2": 0.00032536103997158163,
  "rpve_csf": 29.10968526366984,
  "rpve_gm": 14.18532545103963,
  "rpve_wm": 20.529178993600855,
  "size_x": 240,
  "size_y": 240,
  "size_z": 220,
  "snr_csf": 1.9559253096549838,
  "snr_gm": 7.495626107004844,
  "snr_total": 10.053369334451666,
  "snr_wm": 20.70855658669517,
  "snrd_csf": 21.4706765371626,
  "snrd_gm": 48.32129716243814,
  "snrd_total": 49.420182623509085,
  "snrd_wm": 78.4685741709265,
  "spacing_x": 1.0,
  "spacing_y": 1.0,
  "spacing_z": 1.0,
  "summary_bg_k": 262.2499505047196,
  "summary_bg_mad": 8.348709187614835,
  "summary_bg_mean": 12.606305122375488,
  "summary_bg_median": 11.194796562194824,
  "summary_bg_n": 96863.0,
  "summary_bg_p05": 0.0,
  "summary_bg_p95": 29.069698333740227,
  "summary_bg_stdv": 12.468856811523438,
  "summary_csf_k": 16.304003308541517,
  "summary_csf_mad": 161.68313803591906,
  "summary_csf_mean": 263.70355224609375,
  "summary_csf_median": 273.6108703613281,
  "summary_csf_n": 4280.0,
  "summary_csf_p05": 77.15794143676759,
  "summary_csf_p95": 454.36508636474605,
  "summary_csf_stdv": 139.87185668945312,
  "summary_gm_k": 0.12101331395778603,
  "summary_gm_mad": 79.49504242726627,
  "summary_gm_mean": 617.7591552734375,
  "summary_gm_median": 615.7808837890625,
  "summary_gm_n": 21232.0,
  "summary_gm_p05": 485.3640075683594,
  "summary_gm_p95": 756.941781616211,
  "summary_gm_stdv": 82.15009307861328,
  "summary_wm_k": 0.8898043101866588,
  "summary_wm_mad": 43.8030952448755,
  "summary_wm_mean": 998.4373779296875,
  "summary_wm_median": 999.9617309570312,
  "summary_wm_n": 209007.0,
  "summary_wm_p05": 916.4817687988282,
  "summary_wm_p95": 1074.613195800781,
  "summary_wm_stdv": 48.287254333496094,
  "tpm_overlap_csf": 0.1633298099040985,
  "tpm_overlap_gm": 0.4320395290851593,
  "tpm_overlap_wm": 0.494693398475647,
  "wm2max": 0.7119132227096125
}