{
  "aor": 0.0012056875,
  "aqi": 0.0107748750625,
  "bids_meta": {
    "AcquisitionNumber": 6,
    "BidsifyVersion": "0.3.5",
    "ConversionSoftware": "dcm2niix",
    "ConversionSoftwareVersion": "v1.0.20181125  GCC6.3.0",
    "EchoTime": 0.02762,
    "EffectiveEchoSpacing": 0.0006333282667071997,
    "ImageComments": "PioP",
    "ImageOrientationPatientDICOM": [
      0.999837,
      -0.0170375,
      -0.00590676,
      0.0122159,
      0.880913,
      -0.47312
    ],
    "Manufacturer": "Philips",
    "NumberOfVolumesDiscardedByScanner": 2,
    "ParallelAcquisitionTechnique": "SENSE",
    "ParallelReductionFactorInPlane": 2,
    "PatientPosition": "HFS",
    "PhaseEncodingDirection": "j",
    "PhilipsRescaleIntercept": 0,
    "PhilipsRescaleSlope": 0.80317,
    "PhilipsScaleSlope": 0.0807301,
    "ProtocolName": "WIPpioprsSENSE",
    "PulseSequenceType": "gradient echo EPI",
    "ReconMatrixPE": 80,
    "RepetitionTime": 0.75,
    "SeriesDescription": "ImageMRSERIES",
    "SeriesNumber": 6,
    "SliceEncodingDirection": "k",
    "SliceTiming": [
      0.0,
      0.06755050505050506,
      0.1351010101010101,
      0.20265151515151517,
      0.2702020202020202,
      0.3377525252525253,
      0.40530303030303033,
      0.47285353535353536,
      0.5404040404040404,
      0.6079545454545455,
      0.6755050505050506,
      0.7430555555555556,
      0.0,
      0.06755050505050506,
      0.1351010101010101,
      0.20265151515151517,
      0.2702020202020202,
      0.3377525252525253,
      0.40530303030303033,
      0.47285353535353536,
      0.5404040404040404,
      0.6079545454545455,
      0.6755050505050506,
      0.7430555555555556,
      0.0,
      0.06755050505050506,
      0.1351010101010101,
      0.20265151515151517,
      0.2702020202020202,
      0.3377525252525253,
      0.40530303030303033,
      0.47285353535353536,
      0.5404040404040404,
      0.6079545454545455,
      0.6755050505050506,
      0.7430555555555556
    ],
    "TaskName": "restingstate",
    "TotalReadoutTime": 0.024699802401580786,
    "UsePhilipsFloatNotDisplayScaling": 1,
    "acq_id": "mb3",
    "dataset": "ds002785",
    "modality": "bold",
    "subject_id": "0100",
    "task_id": "restingstate"
  },
  "dummy_trs": 0,
  "dvars_nstd": 31.201438927870537,
  "dvars_std": 1.182007121252609,
  "dvars_vstd": 1.019510510167015,
  "efc": 0.4797111139849419,
  "fber": 109842.1640625,
  "fd_mean": 0.09736170680187238,
  "fd_num": 22,
  "fd_perc": 4.583333333333333,
  "fwhm_avg": 1.7770021294503406,
  "fwhm_x": 1.7634933333333331,
  "fwhm_y": 1.8571099999999998,
  "fwhm_z": 1.710403055017689,
  "gcor": 0.0340059,
  "gsr_x": -0.014151348732411861,
  "gsr_y": 0.013812979683279991,
  "provenance": {
    "md5sum": "3d7e4ab2235b2335f369a2157d4fd2b2",
    "settings": {
      "fd_thres": 0.2,
      "testing": false
    },
    "software": "mriqc",
    "version": "22.0.0rc1",
    "webapi_port": null,
    "webapi_url": "https://mriqc.nimh.nih.gov/api/v1"
  },
  "size_t": 480,
  "size_x": 80,
  "size_y": 80,
  "size_z": 36,
  "snr": 6.993869340824833,
  "spacing_tr": 0.75,
  "spacing_x": 3.0,
  "spacing_y": 3.0,
  "spacing_z": 3.299999952316284,
  "summary_bg_k": 15.469652855352379,
  "summary_bg_mad": 59.03244225391698,
  "summary_bg_mean": 734.5596923828125,
  "summary_bg_median": 54.568111419677734,
  "summary_bg_n": 148525.0,
  "summary_bg_p05": 5.36442985534668,
  "summary_bg_p95": 4377.624609374977,
  "summary_bg_stdv": 1828.1788330078125,
  "summary_fg_k": 1.8680066417639738,
  "summary_fg_mad": 2511.933557192612,
  "summary_fg_mean": 18697.37890625,
  "summary_fg_median": 18695.640625,
  "summary_fg_n": 40260.0,
  "summary_fg_p05": 14539.1958984375,
  "summary_fg_p95": 22894.816113281246,
  "summary_fg_stdv": 2673.11376953125,
  "tsnr": 49.86994552612305
}