{
  "aor": 0.0012466122448979594,
  "aqi": 0.00420915212244898,
  "bids_meta": {
    "AcquisitionNumber": 3,
    "BidsifyVersion": "0.3.5",
    "ConversionSoftware": "dcm2niix",
    "ConversionSoftwareVersion": "v1.0.20181125  GCC6.3.0",
    "EchoTime": 0.02762,
    "EffectiveEchoSpacing": 0.0006621159151938905,
    "ImageComments": "PioP",
    "ImageOrientationPatientDICOM": [
      0.999837,
      -0.0170375,
      -0.00590676,
      0.0122159,
      0.880913,
      -0.47312
    ],
    "Manufacturer": "Philips",
    "NumberOfVolumesDiscardedByScanner": 2,
    "ParallelAcquisitionTechnique": "SENSE",
    "ParallelReductionFactorInPlane": 2,
    "PatientPosition": "HFS",
    "PhaseEncodingDirection": "j",
    "PhilipsRescaleIntercept": 0,
    "PhilipsRescaleSlope": 0.79219,
    "PhilipsScaleSlope": 0.0571905,
    "ProtocolName": "WIPpiopgstroopSENSE",
    "PulseSequenceType": "gradient echo EPI",
    "ReconMatrixPE": 80,
    "RepetitionTime": 2,
    "SeriesDescription": "ImageMRSERIES",
    "SeriesNumber": 3,
    "SliceEncodingDirection": "k",
    "SliceTiming": [
      0.0,
      0.0541,
      0.1081,
      0.1622,
      0.2162,
      0.2703,
      0.3243,
      0.3784,
      0.4324,
      0.4865,
      0.5405,
      0.5946,
      0.6486,
      0.7027,
      0.7568,
      0.8108,
      0.8649,
      0.9189,
      0.973,
      1.027,
      1.0811,
      1.1351,
      1.1892,
      1.2432,
      1.2973,
      1.3514,
      1.4054,
      1.4595,
      1.5135,
      1.5676,
      1.6216,
      1.6757,
      1.7297,
      1.7838,
      1.8378,
      1.8919,
      1.9459
    ],
    "TaskName": "gstroop",
    "TotalReadoutTime": 0.025822520692561732,
    "UsePhilipsFloatNotDisplayScaling": 1,
    "acq_id": "seq",
    "dataset": "ds002785",
    "modality": "bold",
    "subject_id": "0100",
    "task_id": "gstroop"
  },
  "dummy_trs": 0,
  "dvars_nstd": 26.852149611434402,
  "dvars_std": 1.416054533524589,
  "dvars_vstd": 1.008879803565574,
  "efc": 0.470789339167688,
  "fber": 114681.3046875,
  "fd_mean": 0.16829708445362654,
  "fd_num": 61,
  "fd_perc": 24.897959183673468,
  "fwhm_avg": 1.758823543540977,
  "fwhm_x": 1.7242866666666667,
  "fwhm_y": 1.8523233333333333,
  "fwhm_z": 1.6998606306229307,
  "gcor": 0.0323049,
  "gsr_x": -0.013402866199612617,
  "gsr_y": 0.012867264449596405,
  "provenance": {
    "md5sum": "8273fe72fa3f986093e1cfe9674efef0",
    "settings": {
      "fd_thres": 0.2,
      "testing": false
    },
    "software": "mriqc",
    "version": "22.0.0rc1",
    "webapi_port": null,
    "webapi_url": "https://mriqc.nimh.nih.gov/api/v1"
  },
  "size_t": 245,
  "size_x": 80,
  "size_y": 80,
  "size_z": 37,
  "snr": 6.023518756048986,
  "spacing_tr": 2.0,
  "spacing_x": 3.0,
  "spacing_y": 3.0,
  "spacing_z": 3.299999952316284,
  "summary_bg_k": 17.506652345128327,
  "summary_bg_mad": 72.63079617642597,
  "summary_bg_mean": 939.7498168945312,
  "summary_bg_median": 72.08547973632812,
  "summary_bg_n": 153672.0,
  "summary_bg_p05": 7.908842182159424,
  "summary_bg_p95": 5719.3486328125,
  "summary_bg_stdv": 2434.156005859375,
  "summary_fg_k": 3.001114575502121,
  "summary_fg_mad": 3762.62146109295,
  "summary_fg_mean": 25442.02734375,
  "summary_fg_median": 25111.06640625,
  "summary_fg_n": 40780.0,
  "summary_fg_p05": 19452.833984375,
  "summary_fg_p95": 31978.57265625,
  "summary_fg_stdv": 4168.78564453125,
  "tsnr": 84.33903503417969
}