{
  "aor": 0.0008567283950617284,
  "aqi": 0.0030835512345679015,
  "bids_meta": {
    "AcquisitionNumber": 8,
    "BidsifyVersion": "0.3.5",
    "ConversionSoftware": "dcm2niix",
    "ConversionSoftwareVersion": "v1.0.20181125  GCC6.3.0",
    "EchoTime": 0.02762,
    "EffectiveEchoSpacing": 0.0006621159151938905,
    "ImageComments": "PioP",
    "ImageOrientationPatientDICOM": [
      0.999837,
      -0.0170375,
      -0.00590676,
      0.0122159,
      0.880913,
      -0.47312
    ],
    "Manufacturer": "Philips",
    "NumberOfVolumesDiscardedByScanner": 2,
    "ParallelAcquisitionTechnique": "SENSE",
    "ParallelReductionFactorInPlane": 2,
    "PatientPosition": "HFS",
    "PhaseEncodingDirection": "j",
    "PhilipsRescaleIntercept": 0,
    "PhilipsRescaleSlope": 0.82613,
    "PhilipsScaleSlope": 0.0584945,
    "ProtocolName": "WIPpiopwmSENSE",
    "PulseSequenceType": "gradient echo EPI",
    "ReconMatrixPE": 80,
    "RepetitionTime": 2,
    "SeriesDescription": "ImageMRSERIES",
    "SeriesNumber": 8,
    "SliceEncodingDirection": "k",
    "SliceTiming": [
      0.0,
      0.0541,
      0.1081,
      0.1622,
      0.2162,
      0.2703,
      0.3243,
      0.3784,
      0.4324,
      0.4865,
      0.5405,
      0.5946,
      0.6486,
      0.7027,
      0.7568,
      0.8108,
      0.8649,
      0.9189,
      0.973,
      1.027,
      1.0811,
      1.1351,
      1.1892,
      1.2432,
      1.2973,
      1.3514,
      1.4054,
      1.4595,
      1.5135,
      1.5676,
      1.6216,
      1.6757,
      1.7297,
      1.7838,
      1.8378,
      1.8919,
      1.9459
    ],
    "TaskName": "workingmemory",
    "TotalReadoutTime": 0.025822520692561732,
    "UsePhilipsFloatNotDisplayScaling": 1,
    "acq_id": "seq",
    "dataset": "ds002785",
    "modality": "bold",
    "subject_id": "0100",
    "task_id": "workingmemory"
  },
  "dummy_trs": 0,
  "dvars_nstd": 24.68840593142857,
  "dvars_std": 1.4261161227329193,
  "dvars_vstd": 1.0218255230434783,
  "efc": 0.4727561930195119,
  "fber": 113193.171875,
  "fd_mean": 0.11353914768781052,
  "fd_num": 7,
  "fd_perc": 4.320987654320987,
  "fwhm_avg": 1.7772611194790413,
  "fwhm_x": 1.7376500000000001,
  "fwhm_y": 1.8568,
  "fwhm_z": 1.7373333584371242,
  "gcor": 0.0231275,
  "gsr_x": -0.014080975204706192,
  "gsr_y": 0.013604830019176006,
  "provenance": {
    "md5sum": "c965642402b40be84bc0f4c076a1ac2c",
    "settings": {
      "fd_thres": 0.2,
      "testing": false
    },
    "software": "mriqc",
    "version": "22.0.0rc1",
    "webapi_port": null,
    "webapi_url": "https://mriqc.nimh.nih.gov/api/v1"
  },
  "size_t": 162,
  "size_x": 80,
  "size_y": 80,
  "size_z": 37,
  "snr": 5.987895523925105,
  "spacing_tr": 2.0,
  "spacing_x": 3.0,
  "spacing_y": 3.0,
  "spacing_z": 3.299999952316284,
  "summary_bg_k": 15.893900746757147,
  "summary_bg_mad": 69.35681996466762,
  "summary_bg_mean": 938.404541015625,
  "summary_bg_median": 69.93083190917969,
  "summary_bg_n": 153767.0,
  "summary_bg_p05": 8.15908899307251,
  "summary_bg_p95": 5762.896582031244,
  "summary_bg_stdv": 2399.304931640625,
  "summary_fg_k": 2.952053739125655,
  "summary_fg_mad": 3657.0352800512123,
  "summary_fg_mean": 24440.8046875,
  "summary_fg_median": 24110.42578125,
  "summary_fg_n": 40724.0,
  "summary_fg_p05": 18641.8052734375,
  "summary_fg_p95": 30776.5306640625,
  "summary_fg_stdv": 4026.47802734375,
  "tsnr": 96.9618911743164
}