{
  "aor": 0.0014146666666666665,
  "aqi": 0.0033605194814814816,
  "bids_meta": {
    "AcquisitionNumber": 5,
    "BidsifyVersion": "0.3.5",
    "ConversionSoftware": "dcm2niix",
    "ConversionSoftwareVersion": "v1.0.20181125  GCC6.3.0",
    "EchoTime": 0.02762,
    "EffectiveEchoSpacing": 0.0006621159151938905,
    "ImageComments": "PioP",
    "ImageOrientationPatientDICOM": [
      0.999837,
      -0.0170375,
      -0.00590676,
      0.0122159,
      0.880913,
      -0.47312
    ],
    "Manufacturer": "Philips",
    "NumberOfVolumesDiscardedByScanner": 2,
    "ParallelAcquisitionTechnique": "SENSE",
    "ParallelReductionFactorInPlane": 2,
    "PatientPosition": "HFS",
    "PhaseEncodingDirection": "j",
    "PhilipsRescaleIntercept": 0,
    "PhilipsRescaleSlope": 0.8083,
    "PhilipsScaleSlope": 0.0559017,
    "ProtocolName": "WIPpiopharririSENSE",
    "PulseSequenceType": "gradient echo EPI",
    "ReconMatrixPE": 80,
    "RepetitionTime": 2,
    "SeriesDescription": "ImageMRSERIES",
    "SeriesNumber": 5,
    "SliceEncodingDirection": "k",
    "SliceTiming": [
      0.0,
      0.0541,
      0.1081,
      0.1622,
      0.2162,
      0.2703,
      0.3243,
      0.3784,
      0.4324,
      0.4865,
      0.5405,
      0.5946,
      0.6486,
      0.7027,
      0.7568,
      0.8108,
      0.8649,
      0.9189,
      0.973,
      1.027,
      1.0811,
      1.1351,
      1.1892,
      1.2432,
      1.2973,
      1.3514,
      1.4054,
      1.4595,
      1.5135,
      1.5676,
      1.6216,
      1.6757,
      1.7297,
      1.7838,
      1.8378,
      1.8919,
      1.9459
    ],
    "TaskName": "emomatching",
    "TotalReadoutTime": 0.025822520692561732,
    "UsePhilipsFloatNotDisplayScaling": 1,
    "acq_id": "seq",
    "dataset": "ds002785",
    "modality": "bold",
    "subject_id": "0100",
    "task_id": "emomatching"
  },
  "dummy_trs": 0,
  "dvars_nstd": 26.151329339552234,
  "dvars_std": 1.4261687258955216,
  "dvars_vstd": 1.0207453398507464,
  "efc": 0.4725734297519186,
  "fber": 112734.90625,
  "fd_mean": 0.1633062250044976,
  "fd_num": 28,
  "fd_perc": 20.74074074074074,
  "fwhm_avg": 1.8136387963613665,
  "fwhm_x": 1.7776166666666666,
  "fwhm_y": 1.9021633333333332,
  "fwhm_z": 1.7611363890840992,
  "gcor": 0.0246474,
  "gsr_x": -0.014673201367259026,
  "gsr_y": 0.013475695624947548,
  "provenance": {
    "md5sum": "1e839019d03d3b666269b1ffab3e6e8d",
    "settings": {
      "fd_thres": 0.2,
      "testing": false
    },
    "software": "mriqc",
    "version": "22.0.0rc1",
    "webapi_port": null,
    "webapi_url": "https://mriqc.nimh.nih.gov/api/v1"
  },
  "size_t": 135,
  "size_x": 80,
  "size_y": 80,
  "size_z": 37,
  "snr": 5.802084583951753,
  "spacing_tr": 2.0,
  "spacing_x": 3.0,
  "spacing_y": 3.0,
  "spacing_z": 3.299999952316284,
  "summary_bg_k": 16.899867775448207,
  "summary_bg_mad": 70.99018560838496,
  "summary_bg_mean": 955.2127075195312,
  "summary_bg_median": 71.4551773071289,
  "summary_bg_n": 153603.0,
  "summary_bg_p05": 8.473383045196533,
  "summary_bg_p95": 5827.987207031249,
  "summary_bg_stdv": 2455.08935546875,
  "summary_fg_k": 2.724172650076264,
  "summary_fg_mad": 3885.616635372297,
  "summary_fg_mean": 24989.060546875,
  "summary_fg_median": 24649.7890625,
  "summary_fg_n": 40905.0,
  "summary_fg_p05": 18804.278515625,
  "summary_fg_p95": 31747.125390624995,
  "summary_fg_stdv": 4248.384765625,
  "tsnr": 90.44009399414062
}