{
  "aor": 0.000680030303030303,
  "aqi": 0.008279828545454546,
  "bids_meta": {
    "AcquisitionNumber": 2,
    "BidsifyVersion": "0.3.5",
    "ConversionSoftware": "dcm2niix",
    "ConversionSoftwareVersion": "v1.0.20181125  GCC6.3.0",
    "EchoTime": 0.02762,
    "EffectiveEchoSpacing": 0.0006333282667071997,
    "ImageComments": "PioP",
    "ImageOrientationPatientDICOM": [
      0.999837,
      -0.0170375,
      -0.00590676,
      0.0122159,
      0.880913,
      -0.47312
    ],
    "Manufacturer": "Philips",
    "NumberOfVolumesDiscardedByScanner": 2,
    "ParallelAcquisitionTechnique": "SENSE",
    "ParallelReductionFactorInPlane": 2,
    "PatientPosition": "HFS",
    "PhaseEncodingDirection": "j",
    "PhilipsRescaleIntercept": 0,
    "PhilipsRescaleSlope": 0.8525,
    "PhilipsScaleSlope": 0.0816978,
    "ProtocolName": "WIPpiopfacesSENSE",
    "PulseSequenceType": "gradient echo EPI",
    "ReconMatrixPE": 80,
    "RepetitionTime": 0.75,
    "SeriesDescription": "ImageMRSERIES",
    "SeriesNumber": 2,
    "SliceEncodingDirection": "k",
    "SliceTiming": [
      0.0,
      0.06755050505050506,
      0.1351010101010101,
      0.20265151515151517,
      0.2702020202020202,
      0.3377525252525253,
      0.40530303030303033,
      0.47285353535353536,
      0.5404040404040404,
      0.6079545454545455,
      0.6755050505050506,
      0.7430555555555556,
      0.0,
      0.06755050505050506,
      0.1351010101010101,
      0.20265151515151517,
      0.2702020202020202,
      0.3377525252525253,
      0.40530303030303033,
      0.47285353535353536,
      0.5404040404040404,
      0.6079545454545455,
      0.6755050505050506,
      0.7430555555555556,
      0.0,
      0.06755050505050506,
      0.1351010101010101,
      0.20265151515151517,
      0.2702020202020202,
      0.3377525252525253,
      0.40530303030303033,
      0.47285353535353536,
      0.5404040404040404,
      0.6079545454545455,
      0.6755050505050506,
      0.7430555555555556
    ],
    "TaskName": "faces",
    "TotalReadoutTime": 0.024699802401580786,
    "UsePhilipsFloatNotDisplayScaling": 1,
    "acq_id": "mb3",
    "dataset": "ds002785",
    "modality": "bold",
    "subject_id": "0100",
    "task_id": "faces"
  },
  "dummy_trs": 0,
  "dvars_nstd": 25.76947945018237,
  "dvars_std": 1.1456144585714274,
  "dvars_vstd": 1.008814441671732,
  "efc": 0.48005016874177914,
  "fber": 106168.671875,
  "fd_mean": 0.1373747619250912,
  "fd_num": 57,
  "fd_perc": 17.272727272727273,
  "fwhm_avg": 2.055948843361533,
  "fwhm_x": 2.0899300000000003,
  "fwhm_y": 2.158046666666667,
  "fwhm_z": 1.9198698634179314,
  "gcor": 0.0270639,
  "gsr_x": -0.015156547538936138,
  "gsr_y": 0.013704981654882431,
  "provenance": {
    "md5sum": "dc65a15a11dcd8cf6ea498815d739025",
    "settings": {
      "fd_thres": 0.2,
      "testing": false
    },
    "software": "mriqc",
    "version": "22.0.0rc1",
    "webapi_port": null,
    "webapi_url": "https://mriqc.nimh.nih.gov/api/v1"
  },
  "size_t": 330,
  "size_x": 80,
  "size_y": 80,
  "size_z": 36,
  "snr": 6.889956700866006,
  "spacing_tr": 0.75,
  "spacing_x": 3.0,
  "spacing_y": 3.0,
  "spacing_z": 3.299999713897705,
  "summary_bg_k": 15.627440192059371,
  "summary_bg_mad": 61.27115497616527,
  "summary_bg_mean": 726.5322875976562,
  "summary_bg_median": 57.58628845214844,
  "summary_bg_n": 148466.0,
  "summary_bg_p05": 7.413379192352295,
  "summary_bg_p95": 4150.6158447265625,
  "summary_bg_stdv": 1779.2308349609375,
  "summary_fg_k": 0.771615095402832,
  "summary_fg_mad": 2748.383997530863,
  "summary_fg_mean": 19302.138671875,
  "summary_fg_median": 19288.87109375,
  "summary_fg_n": 40384.0,
  "summary_fg_p05": 14863.9353515625,
  "summary_fg_p95": 23803.7453125,
  "summary_fg_stdv": 2799.52880859375,
  "tsnr": 55.19274139404297
}