{
  "aor": 0.0030843999999999997,
  "aqi": 0.00526810275,
  "bids_meta": {
    "AcquisitionNumber": 9,
    "BidsifyVersion": "0.3.5",
    "ConversionSoftware": "dcm2niix",
    "ConversionSoftwareVersion": "v1.0.20181125  GCC6.3.0",
    "EchoTime": 0.02762,
    "EffectiveEchoSpacing": 0.0006621159151938905,
    "ImageComments": "PioP",
    "ImageOrientationPatientDICOM": [
      0.999837,
      -0.0170375,
      -0.00590676,
      0.0122159,
      0.880913,
      -0.47312
    ],
    "Manufacturer": "Philips",
    "NumberOfVolumesDiscardedByScanner": 2,
    "ParallelAcquisitionTechnique": "SENSE",
    "ParallelReductionFactorInPlane": 2,
    "PatientPosition": "HFS",
    "PhaseEncodingDirection": "j",
    "PhilipsRescaleIntercept": 0,
    "PhilipsRescaleSlope": 0.77656,
    "PhilipsScaleSlope": 0.0618492,
    "ProtocolName": "WIPpiopanticipatieSENSE",
    "PulseSequenceType": "gradient echo EPI",
    "ReconMatrixPE": 80,
    "RepetitionTime": 2,
    "SeriesDescription": "ImageMRSERIES",
    "SeriesNumber": 9,
    "SliceEncodingDirection": "k",
    "SliceTiming": [
      0.0,
      0.0541,
      0.1081,
      0.1622,
      0.2162,
      0.2703,
      0.3243,
      0.3784,
      0.4324,
      0.4865,
      0.5405,
      0.5946,
      0.6486,
      0.7027,
      0.7568,
      0.8108,
      0.8649,
      0.9189,
      0.973,
      1.027,
      1.0811,
      1.1351,
      1.1892,
      1.2432,
      1.2973,
      1.3514,
      1.4054,
      1.4595,
      1.5135,
      1.5676,
      1.6216,
      1.6757,
      1.7297,
      1.7838,
      1.8378,
      1.8919,
      1.9459
    ],
    "TaskName": "anticipation",
    "TotalReadoutTime": 0.025822520692561732,
    "UsePhilipsFloatNotDisplayScaling": 1,
    "acq_id": "seq",
    "dataset": "ds002785",
    "modality": "bold",
    "subject_id": "0100",
    "task_id": "anticipation"
  },
  "dummy_trs": 0,
  "dvars_nstd": 26.62598829386936,
  "dvars_std": 1.3647047288944718,
  "dvars_vstd": 1.0070816450251259,
  "efc": 0.4741983930457091,
  "fber": 112281.875,
  "fd_mean": 0.16919650612710818,
  "fd_num": 39,
  "fd_perc": 19.5,
  "fwhm_avg": 1.7752718264133385,
  "fwhm_x": 1.7479566666666668,
  "fwhm_y": 1.8688466666666665,
  "fwhm_z": 1.7090121459066816,
  "gcor": 0.0216119,
  "gsr_x": -0.0143012385815382,
  "gsr_y": 0.014731897972524166,
  "provenance": {
    "md5sum": "f74f148c3f40c105d03eb14cbcba5390",
    "settings": {
      "fd_thres": 0.2,
      "testing": false
    },
    "software": "mriqc",
    "version": "22.0.0rc1",
    "webapi_port": null,
    "webapi_url": "https://mriqc.nimh.nih.gov/api/v1"
  },
  "size_t": 200,
  "size_x": 80,
  "size_y": 80,
  "size_z": 37,
  "snr": 6.020427072097259,
  "spacing_tr": 2.0,
  "spacing_x": 3.0,
  "spacing_y": 3.0,
  "spacing_z": 3.299999952316284,
  "summary_bg_k": 15.178702745476492,
  "summary_bg_mad": 69.32362113111573,
  "summary_bg_mean": 941.5574340820312,
  "summary_bg_median": 69.36884307861328,
  "summary_bg_n": 153545.0,
  "summary_bg_p05": 8.637878608703616,
  "summary_bg_p95": 5718.506640624995,
  "summary_bg_stdv": 2397.17529296875,
  "summary_fg_k": 2.7468346916567894,
  "summary_fg_mad": 3580.9824193738077,
  "summary_fg_mean": 24198.71875,
  "summary_fg_median": 23874.275390625,
  "summary_fg_n": 40823.0,
  "summary_fg_p05": 18490.8732421875,
  "summary_fg_p95": 30493.4751953125,
  "summary_fg_stdv": 3965.49658203125,
  "tsnr": 78.37531280517578
}