{
  "aor": 0.002295432098765432,
  "aqi": 0.0037869826543209875,
  "bids_meta": {
    "AcquisitionNumber": 8,
    "BidsifyVersion": "0.3.5",
    "ConversionSoftware": "dcm2niix",
    "ConversionSoftwareVersion": "v1.0.20181125  GCC6.3.0",
    "EchoTime": 0.02762,
    "EffectiveEchoSpacing": 0.0006621159151938905,
    "ImageComments": "PIOP",
    "ImageOrientationPatientDICOM": [
      0.996299,
      0.0519015,
      -0.0685111,
      -0.0646024,
      0.977949,
      -0.198599
    ],
    "Manufacturer": "Philips",
    "NumberOfVolumesDiscardedByScanner": 2,
    "ParallelAcquisitionTechnique": "SENSE",
    "ParallelReductionFactorInPlane": 2,
    "PatientPosition": "HFS",
    "PhaseEncodingDirection": "j",
    "PhilipsRescaleIntercept": 0,
    "PhilipsRescaleSlope": 0.75165,
    "PhilipsScaleSlope": 0.0563035,
    "ProtocolName": "WIPpiopwmSENSE",
    "PulseSequenceType": "gradient echo EPI",
    "ReconMatrixPE": 80,
    "RepetitionTime": 2,
    "SeriesDescription": "ImageMRSERIES",
    "SeriesNumber": 8,
    "SliceEncodingDirection": "k",
    "SliceTiming": [
      0.0,
      0.0541,
      0.1081,
      0.1622,
      0.2162,
      0.2703,
      0.3243,
      0.3784,
      0.4324,
      0.4865,
      0.5405,
      0.5946,
      0.6486,
      0.7027,
      0.7568,
      0.8108,
      0.8649,
      0.9189,
      0.973,
      1.027,
      1.0811,
      1.1351,
      1.1892,
      1.2432,
      1.2973,
      1.3514,
      1.4054,
      1.4595,
      1.5135,
      1.5676,
      1.6216,
      1.6757,
      1.7297,
      1.7838,
      1.8378,
      1.8919,
      1.9459
    ],
    "TaskName": "workingmemory",
    "TotalReadoutTime": 0.025822520692561732,
    "UsePhilipsFloatNotDisplayScaling": 1,
    "acq_id": "seq",
    "dataset": "ds002785",
    "modality": "bold",
    "subject_id": "0172",
    "task_id": "workingmemory"
  },
  "dummy_trs": 0,
  "dvars_nstd": 28.014326972360248,
  "dvars_std": 1.4495305353416157,
  "dvars_vstd": 1.011071935279503,
  "efc": 0.40135308175706885,
  "fber": 180864.59375,
  "fd_mean": 0.15484974609703447,
  "fd_num": 36,
  "fd_perc": 22.22222222222222,
  "fwhm_avg": 1.9326376796112077,
  "fwhm_x": 1.9231365138295082,
  "fwhm_y": 2.0135066666666668,
  "fwhm_z": 1.8612698583374478,
  "gcor": 0.0181325,
  "gsr_x": -0.021767977625131607,
  "gsr_y": 0.01468738541007042,
  "provenance": {
    "md5sum": "473dd5484fd71ec09a5021c6580293c3",
    "settings": {
      "fd_thres": 0.2,
      "testing": false
    },
    "software": "mriqc",
    "version": "22.0.0rc1",
    "webapi_port": null,
    "webapi_url": "https://mriqc.nimh.nih.gov/api/v1"
  },
  "size_t": 162,
  "size_x": 80,
  "size_y": 80,
  "size_z": 37,
  "snr": 4.693175581539218,
  "spacing_tr": 2.0,
  "spacing_x": 3.000000238418579,
  "spacing_y": 3.0,
  "spacing_z": 3.299999713897705,
  "summary_bg_k": 86.8264176924373,
  "summary_bg_mad": 61.98117169908207,
  "summary_bg_mean": 480.10894775390625,
  "summary_bg_median": 55.66575622558594,
  "summary_bg_n": 163818.0,
  "summary_bg_p05": 2.847154676914215,
  "summary_bg_p95": 2415.5230834960907,
  "summary_bg_stdv": 1595.456787109375,
  "summary_fg_k": 0.5596325574015282,
  "summary_fg_mad": 4998.636815303507,
  "summary_fg_mean": 24807.154296875,
  "summary_fg_median": 24160.05078125,
  "summary_fg_n": 32147.0,
  "summary_fg_p05": 17469.5380859375,
  "summary_fg_p95": 33912.83749999998,
  "summary_fg_stdv": 5147.8310546875,
  "tsnr": 75.22283172607422
}