{
  "aor": 0.0022605,
  "aqi": 0.0127555713125,
  "bids_meta": {
    "AcquisitionNumber": 6,
    "BidsifyVersion": "0.3.5",
    "ConversionSoftware": "dcm2niix",
    "ConversionSoftwareVersion": "v1.0.20181125  GCC6.3.0",
    "EchoTime": 0.02762,
    "EffectiveEchoSpacing": 0.0006333282667071997,
    "ImageComments": "PIOP",
    "ImageOrientationPatientDICOM": [
      0.996299,
      0.0519015,
      -0.0685111,
      -0.0646024,
      0.977949,
      -0.198599
    ],
    "Manufacturer": "Philips",
    "NumberOfVolumesDiscardedByScanner": 2,
    "ParallelAcquisitionTechnique": "SENSE",
    "ParallelReductionFactorInPlane": 2,
    "PatientPosition": "HFS",
    "PhaseEncodingDirection": "j",
    "PhilipsRescaleIntercept": 0,
    "PhilipsRescaleSlope": 0.75311,
    "PhilipsScaleSlope": 0.0951433,
    "ProtocolName": "WIPpioprsSENSE",
    "PulseSequenceType": "gradient echo EPI",
    "ReconMatrixPE": 80,
    "RepetitionTime": 0.75,
    "SeriesDescription": "ImageMRSERIES",
    "SeriesNumber": 6,
    "SliceEncodingDirection": "k",
    "SliceTiming": [
      0.0,
      0.06755050505050506,
      0.1351010101010101,
      0.20265151515151517,
      0.2702020202020202,
      0.3377525252525253,
      0.40530303030303033,
      0.47285353535353536,
      0.5404040404040404,
      0.6079545454545455,
      0.6755050505050506,
      0.7430555555555556,
      0.0,
      0.06755050505050506,
      0.1351010101010101,
      0.20265151515151517,
      0.2702020202020202,
      0.3377525252525253,
      0.40530303030303033,
      0.47285353535353536,
      0.5404040404040404,
      0.6079545454545455,
      0.6755050505050506,
      0.7430555555555556,
      0.0,
      0.06755050505050506,
      0.1351010101010101,
      0.20265151515151517,
      0.2702020202020202,
      0.3377525252525253,
      0.40530303030303033,
      0.47285353535353536,
      0.5404040404040404,
      0.6079545454545455,
      0.6755050505050506,
      0.7430555555555556
    ],
    "TaskName": "restingstate",
    "TotalReadoutTime": 0.024699802401580786,
    "UsePhilipsFloatNotDisplayScaling": 1,
    "acq_id": "mb3",
    "dataset": "ds002785",
    "modality": "bold",
    "subject_id": "0172",
    "task_id": "restingstate"
  },
  "dummy_trs": 0,
  "dvars_nstd": 29.081375233382023,
  "dvars_std": 1.1645770992693114,
  "dvars_vstd": 0.9899638407306895,
  "efc": 0.405939373206366,
  "fber": 197558.71875,
  "fd_mean": 0.09973265880680818,
  "fd_num": 26,
  "fd_perc": 5.416666666666667,
  "fwhm_avg": 1.9600500004775603,
  "fwhm_x": 1.9815365091882937,
  "fwhm_y": 2.06568,
  "fwhm_z": 1.8329334922443874,
  "gcor": 0.00974167,
  "gsr_x": -0.02397868037223816,
  "gsr_y": 0.012685438618063927,
  "provenance": {
    "md5sum": "a967a6b910f3d9364b4c1bf17a9792f9",
    "settings": {
      "fd_thres": 0.2,
      "testing": false
    },
    "software": "mriqc",
    "version": "22.0.0rc1",
    "webapi_port": null,
    "webapi_url": "https://mriqc.nimh.nih.gov/api/v1"
  },
  "size_t": 480,
  "size_x": 80,
  "size_y": 80,
  "size_z": 36,
  "snr": 5.628606794233178,
  "spacing_tr": 0.75,
  "spacing_x": 3.000000238418579,
  "spacing_y": 3.0,
  "spacing_z": 3.299999713897705,
  "summary_bg_k": 68.33936142831352,
  "summary_bg_mad": 41.65604057136734,
  "summary_bg_mean": 333.43939208984375,
  "summary_bg_median": 36.936866760253906,
  "summary_bg_n": 159178.0,
  "summary_bg_p05": 2.213802993297577,
  "summary_bg_p95": 1683.1290222167956,
  "summary_bg_stdv": 1044.012451171875,
  "summary_fg_k": 0.22528446375222044,
  "summary_fg_mad": 2920.850885876731,
  "summary_fg_mean": 16887.09375,
  "summary_fg_median": 16666.57421875,
  "summary_fg_n": 31240.0,
  "summary_fg_p05": 12422.81640625,
  "summary_fg_p95": 21986.5833984375,
  "summary_fg_stdv": 2961.00048828125,
  "tsnr": 44.4082145690918
}