{
  "aor": 0.0012180740740740741,
  "aqi": 0.0032448729629629626,
  "bids_meta": {
    "AcquisitionNumber": 5,
    "BidsifyVersion": "0.3.5",
    "ConversionSoftware": "dcm2niix",
    "ConversionSoftwareVersion": "v1.0.20181125  GCC6.3.0",
    "EchoTime": 0.02762,
    "EffectiveEchoSpacing": 0.0006621159151938905,
    "ImageComments": "PIOP",
    "ImageOrientationPatientDICOM": [
      0.996299,
      0.0519015,
      -0.0685111,
      -0.0646024,
      0.977949,
      -0.198599
    ],
    "Manufacturer": "Philips",
    "NumberOfVolumesDiscardedByScanner": 2,
    "ParallelAcquisitionTechnique": "SENSE",
    "ParallelReductionFactorInPlane": 2,
    "PatientPosition": "HFS",
    "PhaseEncodingDirection": "j",
    "PhilipsRescaleIntercept": 0,
    "PhilipsRescaleSlope": 0.74725,
    "PhilipsScaleSlope": 0.0527234,
    "ProtocolName": "WIPpiopharririSENSE",
    "PulseSequenceType": "gradient echo EPI",
    "ReconMatrixPE": 80,
    "RepetitionTime": 2,
    "SeriesDescription": "ImageMRSERIES",
    "SeriesNumber": 5,
    "SliceEncodingDirection": "k",
    "SliceTiming": [
      0.0,
      0.0541,
      0.1081,
      0.1622,
      0.2162,
      0.2703,
      0.3243,
      0.3784,
      0.4324,
      0.4865,
      0.5405,
      0.5946,
      0.6486,
      0.7027,
      0.7568,
      0.8108,
      0.8649,
      0.9189,
      0.973,
      1.027,
      1.0811,
      1.1351,
      1.1892,
      1.2432,
      1.2973,
      1.3514,
      1.4054,
      1.4595,
      1.5135,
      1.5676,
      1.6216,
      1.6757,
      1.7297,
      1.7838,
      1.8378,
      1.8919,
      1.9459
    ],
    "TaskName": "emomatching",
    "TotalReadoutTime": 0.025822520692561732,
    "UsePhilipsFloatNotDisplayScaling": 1,
    "acq_id": "seq",
    "dataset": "ds002785",
    "modality": "bold",
    "subject_id": "0172",
    "task_id": "emomatching"
  },
  "dummy_trs": 0,
  "dvars_nstd": 25.60163998955224,
  "dvars_std": 1.420329245,
  "dvars_vstd": 0.9976805873880596,
  "efc": 0.40046857727413115,
  "fber": 185821.5625,
  "fd_mean": 0.13315708457420508,
  "fd_num": 22,
  "fd_perc": 16.296296296296298,
  "fwhm_avg": 1.9425152552739045,
  "fwhm_x": 1.9329065130530587,
  "fwhm_y": 2.027696666666667,
  "fwhm_z": 1.8669425861019875,
  "gcor": 0.0264057,
  "gsr_x": -0.021384315565228462,
  "gsr_y": 0.014877492561936378,
  "provenance": {
    "md5sum": "d0b7c4232516ba6211a6397996c8c8ef",
    "settings": {
      "fd_thres": 0.2,
      "testing": false
    },
    "software": "mriqc",
    "version": "22.0.0rc1",
    "webapi_port": null,
    "webapi_url": "https://mriqc.nimh.nih.gov/api/v1"
  },
  "size_t": 135,
  "size_x": 80,
  "size_y": 80,
  "size_z": 37,
  "snr": 4.6644292095707565,
  "spacing_tr": 2.0,
  "spacing_x": 3.000000238418579,
  "spacing_y": 3.0,
  "spacing_z": 3.299999713897705,
  "summary_bg_k": 90.45437372161001,
  "summary_bg_mad": 60.815110743840116,
  "summary_bg_mean": 473.16162109375,
  "summary_bg_median": 55.09571838378906,
  "summary_bg_n": 163757.0,
  "summary_bg_p05": 2.478387975692749,
  "summary_bg_p95": 2347.585302734367,
  "summary_bg_stdv": 1598.0184326171875,
  "summary_fg_k": 0.6071805370100365,
  "summary_fg_mad": 5013.2340765993795,
  "summary_fg_mean": 25095.75390625,
  "summary_fg_median": 24430.5390625,
  "summary_fg_n": 32208.0,
  "summary_fg_p05": 17653.9181640625,
  "summary_fg_p95": 34364.12441406249,
  "summary_fg_stdv": 5237.54541015625,
  "tsnr": 82.79963684082031
}