{
  "aor": 0.00027469696969696975,
  "aqi": 0.0075606424545454545,
  "bids_meta": {
    "AcquisitionNumber": 2,
    "BidsifyVersion": "0.3.5",
    "ConversionSoftware": "dcm2niix",
    "ConversionSoftwareVersion": "v1.0.20181125  GCC6.3.0",
    "EchoTime": 0.02762,
    "EffectiveEchoSpacing": 0.0006333282667071997,
    "ImageComments": "PIOP",
    "ImageOrientationPatientDICOM": [
      0.996299,
      0.0519015,
      -0.0685111,
      -0.0646024,
      0.977949,
      -0.198599
    ],
    "Manufacturer": "Philips",
    "NumberOfVolumesDiscardedByScanner": 2,
    "ParallelAcquisitionTechnique": "SENSE",
    "ParallelReductionFactorInPlane": 2,
    "PatientPosition": "HFS",
    "PhaseEncodingDirection": "j",
    "PhilipsRescaleIntercept": 0,
    "PhilipsRescaleSlope": 0.81709,
    "PhilipsScaleSlope": 0.0933935,
    "ProtocolName": "WIPpiopfacesSENSE",
    "PulseSequenceType": "gradient echo EPI",
    "ReconMatrixPE": 80,
    "RepetitionTime": 0.75,
    "SeriesDescription": "ImageMRSERIES",
    "SeriesNumber": 2,
    "SliceEncodingDirection": "k",
    "SliceTiming": [
      0.0,
      0.06755050505050506,
      0.1351010101010101,
      0.20265151515151517,
      0.2702020202020202,
      0.3377525252525253,
      0.40530303030303033,
      0.47285353535353536,
      0.5404040404040404,
      0.6079545454545455,
      0.6755050505050506,
      0.7430555555555556,
      0.0,
      0.06755050505050506,
      0.1351010101010101,
      0.20265151515151517,
      0.2702020202020202,
      0.3377525252525253,
      0.40530303030303033,
      0.47285353535353536,
      0.5404040404040404,
      0.6079545454545455,
      0.6755050505050506,
      0.7430555555555556,
      0.0,
      0.06755050505050506,
      0.1351010101010101,
      0.20265151515151517,
      0.2702020202020202,
      0.3377525252525253,
      0.40530303030303033,
      0.47285353535353536,
      0.5404040404040404,
      0.6079545454545455,
      0.6755050505050506,
      0.7430555555555556
    ],
    "TaskName": "faces",
    "TotalReadoutTime": 0.024699802401580786,
    "UsePhilipsFloatNotDisplayScaling": 1,
    "acq_id": "mb3",
    "dataset": "ds002785",
    "modality": "bold",
    "subject_id": "0172",
    "task_id": "faces"
  },
  "dummy_trs": 0,
  "dvars_nstd": 28.815870690942262,
  "dvars_std": 1.1591903811854107,
  "dvars_vstd": 0.9745142443465046,
  "efc": 0.40466520946702805,
  "fber": 198216.609375,
  "fd_mean": 0.09118423795874007,
  "fd_num": 7,
  "fd_perc": 2.121212121212121,
  "fwhm_avg": 2.0257370722106374,
  "fwhm_x": 2.0347565049587484,
  "fwhm_y": 2.1252333333333335,
  "fwhm_z": 1.9172213783398293,
  "gcor": 0.00624301,
  "gsr_x": -0.02407296933233738,
  "gsr_y": 0.0125550776720047,
  "provenance": {
    "md5sum": "da48c781eeb40513320286bf1fe8a4c2",
    "settings": {
      "fd_thres": 0.2,
      "testing": false
    },
    "software": "mriqc",
    "version": "22.0.0rc1",
    "webapi_port": null,
    "webapi_url": "https://mriqc.nimh.nih.gov/api/v1"
  },
  "size_t": 330,
  "size_x": 80,
  "size_y": 80,
  "size_z": 36,
  "snr": 5.365656036550532,
  "spacing_tr": 0.75,
  "spacing_x": 3.000000238418579,
  "spacing_y": 3.0,
  "spacing_z": 3.299999713897705,
  "summary_bg_k": 71.09165667261067,
  "summary_bg_mad": 42.49351296090617,
  "summary_bg_mean": 331.6894226074219,
  "summary_bg_median": 37.329837799072266,
  "summary_bg_n": 159148.0,
  "summary_bg_p05": 1.4611567080020906,
  "summary_bg_p95": 1626.5552917480459,
  "summary_bg_stdv": 1056.92724609375,
  "summary_fg_k": 0.13020744961416808,
  "summary_fg_mad": 3150.648438330183,
  "summary_fg_mean": 17243.11328125,
  "summary_fg_median": 17014.62890625,
  "summary_fg_n": 31223.0,
  "summary_fg_p05": 12425.7595703125,
  "summary_fg_p95": 22663.87109375,
  "summary_fg_stdv": 3170.97412109375,
  "tsnr": 52.69450759887695
}