{
  "aor": 0.0013773877551020407,
  "aqi": 0.003912605795918368,
  "bids_meta": {
    "AcquisitionNumber": 3,
    "BidsifyVersion": "0.3.5",
    "ConversionSoftware": "dcm2niix",
    "ConversionSoftwareVersion": "v1.0.20181125  GCC6.3.0",
    "EchoTime": 0.02762,
    "EffectiveEchoSpacing": 0.0006621159151938905,
    "ImageComments": "PIOP",
    "ImageOrientationPatientDICOM": [
      0.996299,
      0.0519015,
      -0.0685111,
      -0.0646024,
      0.977949,
      -0.198599
    ],
    "Manufacturer": "Philips",
    "NumberOfVolumesDiscardedByScanner": 2,
    "ParallelAcquisitionTechnique": "SENSE",
    "ParallelReductionFactorInPlane": 2,
    "PatientPosition": "HFS",
    "PhaseEncodingDirection": "j",
    "PhilipsRescaleIntercept": 0,
    "PhilipsRescaleSlope": 0.77729,
    "PhilipsScaleSlope": 0.0542066,
    "ProtocolName": "WIPpiopgstroopSENSE",
    "PulseSequenceType": "gradient echo EPI",
    "ReconMatrixPE": 80,
    "RepetitionTime": 2,
    "SeriesDescription": "ImageMRSERIES",
    "SeriesNumber": 3,
    "SliceEncodingDirection": "k",
    "SliceTiming": [
      0.0,
      0.0541,
      0.1081,
      0.1622,
      0.2162,
      0.2703,
      0.3243,
      0.3784,
      0.4324,
      0.4865,
      0.5405,
      0.5946,
      0.6486,
      0.7027,
      0.7568,
      0.8108,
      0.8649,
      0.9189,
      0.973,
      1.027,
      1.0811,
      1.1351,
      1.1892,
      1.2432,
      1.2973,
      1.3514,
      1.4054,
      1.4595,
      1.5135,
      1.5676,
      1.6216,
      1.6757,
      1.7297,
      1.7838,
      1.8378,
      1.8919,
      1.9459
    ],
    "TaskName": "gstroop",
    "TotalReadoutTime": 0.025822520692561732,
    "UsePhilipsFloatNotDisplayScaling": 1,
    "acq_id": "seq",
    "dataset": "ds002785",
    "modality": "bold",
    "subject_id": "0172",
    "task_id": "gstroop"
  },
  "dummy_trs": 0,
  "dvars_nstd": 25.338922805655756,
  "dvars_std": 1.4559947024590167,
  "dvars_vstd": 0.9930782318852448,
  "efc": 0.39957592385224344,
  "fber": 185878.359375,
  "fd_mean": 0.10175869415964485,
  "fd_num": 11,
  "fd_perc": 4.489795918367347,
  "fwhm_avg": 1.9083247503388396,
  "fwhm_x": 1.892419849603983,
  "fwhm_y": 1.9987300000000001,
  "fwhm_z": 1.8338244014125362,
  "gcor": 0.0141195,
  "gsr_x": -0.021202610805630684,
  "gsr_y": 0.014378334395587444,
  "provenance": {
    "md5sum": "0ec365f9528640dc69b52a954ae038f6",
    "settings": {
      "fd_thres": 0.2,
      "testing": false
    },
    "software": "mriqc",
    "version": "22.0.0rc1",
    "webapi_port": null,
    "webapi_url": "https://mriqc.nimh.nih.gov/api/v1"
  },
  "size_t": 245,
  "size_x": 80,
  "size_y": 80,
  "size_z": 37,
  "snr": 4.7320674262091424,
  "spacing_tr": 2.0,
  "spacing_x": 3.000000238418579,
  "spacing_y": 3.0,
  "spacing_z": 3.299999713897705,
  "summary_bg_k": 94.06548018103425,
  "summary_bg_mad": 63.48752211215061,
  "summary_bg_mean": 463.0604248046875,
  "summary_bg_median": 55.019203186035156,
  "summary_bg_n": 164022.0,
  "summary_bg_p05": 2.8177194714546214,
  "summary_bg_p95": 2287.1943969726535,
  "summary_bg_stdv": 1567.293212890625,
  "summary_fg_k": 0.6842799970529483,
  "summary_fg_mad": 4923.533746672333,
  "summary_fg_mean": 24888.576171875,
  "summary_fg_median": 24276.4296875,
  "summary_fg_n": 32070.0,
  "summary_fg_p05": 17595.08447265625,
  "summary_fg_p95": 33849.038671875,
  "summary_fg_stdv": 5130.115234375,
  "tsnr": 79.41604614257812
}