{
  "aor": 0.00048564999999999996,
  "aqi": 0.0033114666000000005,
  "bids_meta": {
    "AcquisitionNumber": 9,
    "BidsifyVersion": "0.3.5",
    "ConversionSoftware": "dcm2niix",
    "ConversionSoftwareVersion": "v1.0.20181125  GCC6.3.0",
    "EchoTime": 0.02762,
    "EffectiveEchoSpacing": 0.0006621159151938905,
    "ImageComments": "piop",
    "ImageOrientationPatientDICOM": [
      0.993536,
      -0.0750944,
      0.0851343,
      0.104951,
      0.893464,
      -0.436701
    ],
    "Manufacturer": "Philips",
    "NumberOfVolumesDiscardedByScanner": 2,
    "ParallelAcquisitionTechnique": "SENSE",
    "ParallelReductionFactorInPlane": 2,
    "PatientPosition": "HFS",
    "PhaseEncodingDirection": "j",
    "PhilipsRescaleIntercept": 0,
    "PhilipsRescaleSlope": 0.80586,
    "PhilipsScaleSlope": 0.0513975,
    "ProtocolName": "WIPpiopanticipatieSENSE",
    "PulseSequenceType": "gradient echo EPI",
    "ReconMatrixPE": 80,
    "RepetitionTime": 2,
    "SeriesDescription": "ImageMRSERIES",
    "SeriesNumber": 9,
    "SliceEncodingDirection": "k",
    "SliceTiming": [
      0.0,
      0.0541,
      0.1081,
      0.1622,
      0.2162,
      0.2703,
      0.3243,
      0.3784,
      0.4324,
      0.4865,
      0.5405,
      0.5946,
      0.6486,
      0.7027,
      0.7568,
      0.8108,
      0.8649,
      0.9189,
      0.973,
      1.027,
      1.0811,
      1.1351,
      1.1892,
      1.2432,
      1.2973,
      1.3514,
      1.4054,
      1.4595,
      1.5135,
      1.5676,
      1.6216,
      1.6757,
      1.7297,
      1.7838,
      1.8378,
      1.8919,
      1.9459
    ],
    "TaskName": "anticipation",
    "TotalReadoutTime": 0.025822520692561732,
    "UsePhilipsFloatNotDisplayScaling": 1,
    "acq_id": "seq",
    "dataset": "ds002785",
    "modality": "bold",
    "subject_id": "0015",
    "task_id": "anticipation"
  },
  "dummy_trs": 0,
  "dvars_nstd": 20.138575448492464,
  "dvars_std": 1.2645914368341709,
  "dvars_vstd": 0.9876138580402009,
  "efc": 0.4199930701202851,
  "fber": 130455.6875,
  "fd_mean": 0.1254033612931281,
  "fd_num": 12,
  "fd_perc": 6.0,
  "fwhm_avg": 1.8558279883651252,
  "fwhm_x": 1.8097366666666668,
  "fwhm_y": 1.9790533333333336,
  "fwhm_z": 1.778693965095375,
  "gcor": 0.0151534,
  "gsr_x": -0.018989713862538338,
  "gsr_y": 0.01709887757897377,
  "provenance": {
    "md5sum": "e75fd93412f505fbf67a437676fe350e",
    "settings": {
      "fd_thres": 0.2,
      "testing": false
    },
    "software": "mriqc",
    "version": "22.0.0rc1",
    "webapi_port": null,
    "webapi_url": "https://mriqc.nimh.nih.gov/api/v1"
  },
  "size_t": 200,
  "size_x": 80,
  "size_y": 80,
  "size_z": 37,
  "snr": 5.6573409013555445,
  "spacing_tr": 2.0,
  "spacing_x": 3.0,
  "spacing_y": 3.0,
  "spacing_z": 3.299999952316284,
  "summary_bg_k": 47.44313820793911,
  "summary_bg_mad": 66.91416347105965,
  "summary_bg_mean": 620.9671020507812,
  "summary_bg_median": 68.00469207763672,
  "summary_bg_n": 161619.0,
  "summary_bg_p05": 7.206894111633302,
  "summary_bg_p95": 3309.9873779296886,
  "summary_bg_stdv": 1781.322998046875,
  "summary_fg_k": 1.6245107787082995,
  "summary_fg_mad": 4351.214541839674,
  "summary_fg_mean": 25687.814453125,
  "summary_fg_median": 25453.931640625,
  "summary_fg_n": 32934.0,
  "summary_fg_p05": 18909.781640625,
  "summary_fg_p95": 32905.0548828125,
  "summary_fg_stdv": 4499.20654296875,
  "tsnr": 87.91668701171875
}