{
  "aor": 0.0002487891440501044,
  "aqi": 0.007415898997912318,
  "bids_meta": {
    "AcquisitionNumber": 6,
    "BidsifyVersion": "0.3.5",
    "ConversionSoftware": "dcm2niix",
    "ConversionSoftwareVersion": "v1.0.20181125  GCC6.3.0",
    "EchoTime": 0.02762,
    "EffectiveEchoSpacing": 0.0006333282667071997,
    "ImageComments": "piop",
    "ImageOrientationPatientDICOM": [
      0.993536,
      -0.0750944,
      0.0851343,
      0.104951,
      0.893464,
      -0.436701
    ],
    "Manufacturer": "Philips",
    "NumberOfVolumesDiscardedByScanner": 2,
    "ParallelAcquisitionTechnique": "SENSE",
    "ParallelReductionFactorInPlane": 2,
    "PatientPosition": "HFS",
    "PhaseEncodingDirection": "j",
    "PhilipsRescaleIntercept": 0,
    "PhilipsRescaleSlope": 0.74725,
    "PhilipsScaleSlope": 0.0916196,
    "ProtocolName": "WIPpioprsSENSE",
    "PulseSequenceType": "gradient echo EPI",
    "ReconMatrixPE": 80,
    "RepetitionTime": 0.75,
    "SeriesDescription": "ImageMRSERIES",
    "SeriesNumber": 6,
    "SliceEncodingDirection": "k",
    "SliceTiming": [
      0.0,
      0.06755050505050506,
      0.1351010101010101,
      0.20265151515151517,
      0.2702020202020202,
      0.3377525252525253,
      0.40530303030303033,
      0.47285353535353536,
      0.5404040404040404,
      0.6079545454545455,
      0.6755050505050506,
      0.7430555555555556,
      0.0,
      0.06755050505050506,
      0.1351010101010101,
      0.20265151515151517,
      0.2702020202020202,
      0.3377525252525253,
      0.40530303030303033,
      0.47285353535353536,
      0.5404040404040404,
      0.6079545454545455,
      0.6755050505050506,
      0.7430555555555556,
      0.0,
      0.06755050505050506,
      0.1351010101010101,
      0.20265151515151517,
      0.2702020202020202,
      0.3377525252525253,
      0.40530303030303033,
      0.47285353535353536,
      0.5404040404040404,
      0.6079545454545455,
      0.6755050505050506,
      0.7430555555555556
    ],
    "TaskName": "restingstate",
    "TotalReadoutTime": 0.024699802401580786,
    "UsePhilipsFloatNotDisplayScaling": 1,
    "acq_id": "mb3",
    "dataset": "ds002785",
    "modality": "bold",
    "subject_id": "0015",
    "task_id": "restingstate"
  },
  "dummy_trs": 1,
  "dvars_nstd": 27.843790764581584,
  "dvars_std": 1.1984582073640166,
  "dvars_vstd": 0.9992742348953979,
  "efc": 0.42657850253151164,
  "fber": 116710.375,
  "fd_mean": 0.09005062621027614,
  "fd_num": 8,
  "fd_perc": 1.6701461377870563,
  "fwhm_avg": 1.8285587961942324,
  "fwhm_x": 1.8030099999999998,
  "fwhm_y": 1.95623,
  "fwhm_z": 1.7264363885826977,
  "gcor": 0.0125531,
  "gsr_x": -0.02083522081375122,
  "gsr_y": 0.01613059639930725,
  "provenance": {
    "md5sum": "0f0476fab032f3e67f369865195550b3",
    "settings": {
      "fd_thres": 0.2,
      "testing": false
    },
    "software": "mriqc",
    "version": "22.0.0rc1",
    "webapi_port": null,
    "webapi_url": "https://mriqc.nimh.nih.gov/api/v1"
  },
  "size_t": 479,
  "size_x": 80,
  "size_y": 80,
  "size_z": 36,
  "snr": 6.8024337102864445,
  "spacing_tr": 0.75,
  "spacing_x": 3.0,
  "spacing_y": 3.0,
  "spacing_z": 3.299999952316284,
  "summary_bg_k": 38.88953557940472,
  "summary_bg_mad": 51.9711026724563,
  "summary_bg_mean": 440.8485412597656,
  "summary_bg_median": 50.72875213623047,
  "summary_bg_n": 156473.0,
  "summary_bg_p05": 5.676041984558106,
  "summary_bg_p95": 2291.4474609374993,
  "summary_bg_stdv": 1189.4925537109375,
  "summary_fg_k": 1.0179588980033376,
  "summary_fg_mad": 2527.2431625231575,
  "summary_fg_mean": 17931.93359375,
  "summary_fg_median": 17993.73828125,
  "summary_fg_n": 32352.0,
  "summary_fg_p05": 13541.562109375,
  "summary_fg_p95": 22062.9912109375,
  "summary_fg_stdv": 2645.150390625,
  "tsnr": 59.182159423828125
}