{
  "aor": 0.0006832098765432099,
  "aqi": 0.002920478641975309,
  "bids_meta": {
    "AcquisitionNumber": 8,
    "BidsifyVersion": "0.3.5",
    "ConversionSoftware": "dcm2niix",
    "ConversionSoftwareVersion": "v1.0.20181125  GCC6.3.0",
    "EchoTime": 0.02762,
    "EffectiveEchoSpacing": 0.0006621159151938905,
    "ImageComments": "piop",
    "ImageOrientationPatientDICOM": [
      0.993536,
      -0.0750944,
      0.0851343,
      0.104951,
      0.893464,
      -0.436701
    ],
    "Manufacturer": "Philips",
    "NumberOfVolumesDiscardedByScanner": 2,
    "ParallelAcquisitionTechnique": "SENSE",
    "ParallelReductionFactorInPlane": 2,
    "PatientPosition": "HFS",
    "PhaseEncodingDirection": "j",
    "PhilipsRescaleIntercept": 0,
    "PhilipsRescaleSlope": 0.77167,
    "PhilipsScaleSlope": 0.0534075,
    "ProtocolName": "WIPpiopwmSENSE",
    "PulseSequenceType": "gradient echo EPI",
    "ReconMatrixPE": 80,
    "RepetitionTime": 2,
    "SeriesDescription": "ImageMRSERIES",
    "SeriesNumber": 8,
    "SliceEncodingDirection": "k",
    "SliceTiming": [
      0.0,
      0.0541,
      0.1081,
      0.1622,
      0.2162,
      0.2703,
      0.3243,
      0.3784,
      0.4324,
      0.4865,
      0.5405,
      0.5946,
      0.6486,
      0.7027,
      0.7568,
      0.8108,
      0.8649,
      0.9189,
      0.973,
      1.027,
      1.0811,
      1.1351,
      1.1892,
      1.2432,
      1.2973,
      1.3514,
      1.4054,
      1.4595,
      1.5135,
      1.5676,
      1.6216,
      1.6757,
      1.7297,
      1.7838,
      1.8378,
      1.8919,
      1.9459
    ],
    "TaskName": "workingmemory",
    "TotalReadoutTime": 0.025822520692561732,
    "UsePhilipsFloatNotDisplayScaling": 1,
    "acq_id": "seq",
    "dataset": "ds002785",
    "modality": "bold",
    "subject_id": "0015",
    "task_id": "workingmemory"
  },
  "dummy_trs": 0,
  "dvars_nstd": 20.791186847763978,
  "dvars_std": 1.323632277950311,
  "dvars_vstd": 1.008878331863354,
  "efc": 0.42028910769348077,
  "fber": 128882.1484375,
  "fd_mean": 0.11241913070642486,
  "fd_num": 7,
  "fd_perc": 4.320987654320987,
  "fwhm_avg": 1.8407832407960172,
  "fwhm_x": 1.7892533333333331,
  "fwhm_y": 1.9739933333333333,
  "fwhm_z": 1.759103055721385,
  "gcor": 0.0162999,
  "gsr_x": -0.019012486562132835,
  "gsr_y": 0.016923315823078156,
  "provenance": {
    "md5sum": "2eb5889b4cc652df4c31aadaafe54e19",
    "settings": {
      "fd_thres": 0.2,
      "testing": false
    },
    "software": "mriqc",
    "version": "22.0.0rc1",
    "webapi_port": null,
    "webapi_url": "https://mriqc.nimh.nih.gov/api/v1"
  },
  "size_t": 162,
  "size_x": 80,
  "size_y": 80,
  "size_z": 37,
  "snr": 5.743137132178607,
  "spacing_tr": 2.0,
  "spacing_x": 3.0,
  "spacing_y": 3.0,
  "spacing_z": 3.299999952316284,
  "summary_bg_k": 48.75413306114287,
  "summary_bg_mad": 67.65765332794186,
  "summary_bg_mean": 616.6317749023438,
  "summary_bg_median": 68.40088653564453,
  "summary_bg_n": 161627.0,
  "summary_bg_p05": 7.561307334899903,
  "summary_bg_p95": 3265.0160644531206,
  "summary_bg_stdv": 1774.6029052734375,
  "summary_fg_k": 1.5598594003553865,
  "summary_fg_mad": 4323.23332067284,
  "summary_fg_mean": 25571.689453125,
  "summary_fg_median": 25335.6953125,
  "summary_fg_n": 32966.0,
  "summary_fg_p05": 18936.63623046875,
  "summary_fg_p95": 32636.12890625,
  "summary_fg_stdv": 4411.40625,
  "tsnr": 91.6806411743164
}