{
  "aor": 0.0002593939393939394,
  "aqi": 0.0063741835757575764,
  "bids_meta": {
    "AcquisitionNumber": 2,
    "BidsifyVersion": "0.3.5",
    "ConversionSoftware": "dcm2niix",
    "ConversionSoftwareVersion": "v1.0.20181125  GCC6.3.0",
    "EchoTime": 0.02762,
    "EffectiveEchoSpacing": 0.0006333282667071997,
    "ImageComments": "piop",
    "ImageOrientationPatientDICOM": [
      0.993536,
      -0.0750944,
      0.0851343,
      0.104951,
      0.893464,
      -0.436701
    ],
    "Manufacturer": "Philips",
    "NumberOfVolumesDiscardedByScanner": 2,
    "ParallelAcquisitionTechnique": "SENSE",
    "ParallelReductionFactorInPlane": 2,
    "PatientPosition": "HFS",
    "PhaseEncodingDirection": "j",
    "PhilipsRescaleIntercept": 0,
    "PhilipsRescaleSlope": 0.7939,
    "PhilipsScaleSlope": 0.0927706,
    "ProtocolName": "WIPpiopfacesSENSE",
    "PulseSequenceType": "gradient echo EPI",
    "ReconMatrixPE": 80,
    "RepetitionTime": 0.75,
    "SeriesDescription": "ImageMRSERIES",
    "SeriesNumber": 2,
    "SliceEncodingDirection": "k",
    "SliceTiming": [
      0.0,
      0.06755050505050506,
      0.1351010101010101,
      0.20265151515151517,
      0.2702020202020202,
      0.3377525252525253,
      0.40530303030303033,
      0.47285353535353536,
      0.5404040404040404,
      0.6079545454545455,
      0.6755050505050506,
      0.7430555555555556,
      0.0,
      0.06755050505050506,
      0.1351010101010101,
      0.20265151515151517,
      0.2702020202020202,
      0.3377525252525253,
      0.40530303030303033,
      0.47285353535353536,
      0.5404040404040404,
      0.6079545454545455,
      0.6755050505050506,
      0.7430555555555556,
      0.0,
      0.06755050505050506,
      0.1351010101010101,
      0.20265151515151517,
      0.2702020202020202,
      0.3377525252525253,
      0.40530303030303033,
      0.47285353535353536,
      0.5404040404040404,
      0.6079545454545455,
      0.6755050505050506,
      0.7430555555555556
    ],
    "TaskName": "faces",
    "TotalReadoutTime": 0.024699802401580786,
    "UsePhilipsFloatNotDisplayScaling": 1,
    "acq_id": "mb3",
    "dataset": "ds002785",
    "modality": "bold",
    "subject_id": "0015",
    "task_id": "faces"
  },
  "dummy_trs": 0,
  "dvars_nstd": 27.716734048541017,
  "dvars_std": 1.200037049027356,
  "dvars_vstd": 1.004346708662614,
  "efc": 0.424308841731247,
  "fber": 114534.1328125,
  "fd_mean": 0.08940409624221024,
  "fd_num": 2,
  "fd_perc": 0.6060606060606061,
  "fwhm_avg": 1.8780949580776243,
  "fwhm_x": 1.86806,
  "fwhm_y": 1.9843066666666667,
  "fwhm_z": 1.7819182075662063,
  "gcor": 0.00602855,
  "gsr_x": -0.020175782963633537,
  "gsr_y": 0.016069993376731873,
  "provenance": {
    "md5sum": "6e3b70e92714d027f9e2d724f588e770",
    "settings": {
      "fd_thres": 0.2,
      "testing": false
    },
    "software": "mriqc",
    "version": "22.0.0rc1",
    "webapi_port": null,
    "webapi_url": "https://mriqc.nimh.nih.gov/api/v1"
  },
  "size_t": 330,
  "size_x": 80,
  "size_y": 80,
  "size_z": 36,
  "snr": 6.549295991134586,
  "spacing_tr": 0.75,
  "spacing_x": 3.0,
  "spacing_y": 3.0,
  "spacing_z": 3.299999952316284,
  "summary_bg_k": 41.51421743052132,
  "summary_bg_mad": 54.262571564955365,
  "summary_bg_mean": 435.4502868652344,
  "summary_bg_median": 52.69189453125,
  "summary_bg_n": 156551.0,
  "summary_bg_p05": 5.599489450454712,
  "summary_bg_p95": 2236.4130859375,
  "summary_bg_stdv": 1187.890380859375,
  "summary_fg_k": 0.8187700017530695,
  "summary_fg_mad": 2735.9686518046074,
  "summary_fg_mean": 18488.830078125,
  "summary_fg_median": 18544.353515625,
  "summary_fg_n": 32269.0,
  "summary_fg_p05": 13732.915234375,
  "summary_fg_p95": 22900.445703125,
  "summary_fg_stdv": 2831.45947265625,
  "tsnr": 62.422847747802734
}