{
  "aor": 0.0007531851851851852,
  "aqi": 0.0028170531851851857,
  "bids_meta": {
    "AcquisitionNumber": 5,
    "BidsifyVersion": "0.3.5",
    "ConversionSoftware": "dcm2niix",
    "ConversionSoftwareVersion": "v1.0.20181125  GCC6.3.0",
    "EchoTime": 0.02762,
    "EffectiveEchoSpacing": 0.0006621159151938905,
    "ImageComments": "piop",
    "ImageOrientationPatientDICOM": [
      0.993536,
      -0.0750944,
      0.0851343,
      0.104951,
      0.893464,
      -0.436701
    ],
    "Manufacturer": "Philips",
    "NumberOfVolumesDiscardedByScanner": 2,
    "ParallelAcquisitionTechnique": "SENSE",
    "ParallelReductionFactorInPlane": 2,
    "PatientPosition": "HFS",
    "PhaseEncodingDirection": "j",
    "PhilipsRescaleIntercept": 0,
    "PhilipsRescaleSlope": 0.81905,
    "PhilipsScaleSlope": 0.0509258,
    "ProtocolName": "WIPpiopharririSENSE",
    "PulseSequenceType": "gradient echo EPI",
    "ReconMatrixPE": 80,
    "RepetitionTime": 2,
    "SeriesDescription": "ImageMRSERIES",
    "SeriesNumber": 5,
    "SliceEncodingDirection": "k",
    "SliceTiming": [
      0.0,
      0.0541,
      0.1081,
      0.1622,
      0.2162,
      0.2703,
      0.3243,
      0.3784,
      0.4324,
      0.4865,
      0.5405,
      0.5946,
      0.6486,
      0.7027,
      0.7568,
      0.8108,
      0.8649,
      0.9189,
      0.973,
      1.027,
      1.0811,
      1.1351,
      1.1892,
      1.2432,
      1.2973,
      1.3514,
      1.4054,
      1.4595,
      1.5135,
      1.5676,
      1.6216,
      1.6757,
      1.7297,
      1.7838,
      1.8378,
      1.8919,
      1.9459
    ],
    "TaskName": "emomatching",
    "TotalReadoutTime": 0.025822520692561732,
    "UsePhilipsFloatNotDisplayScaling": 1,
    "acq_id": "seq",
    "dataset": "ds002785",
    "modality": "bold",
    "subject_id": "0015",
    "task_id": "emomatching"
  },
  "dummy_trs": 0,
  "dvars_nstd": 20.4909102241791,
  "dvars_std": 1.3022813002238809,
  "dvars_vstd": 1.0043424345522387,
  "efc": 0.4181980332001516,
  "fber": 136113.875,
  "fd_mean": 0.11123152902742683,
  "fd_num": 5,
  "fd_perc": 3.7037037037037037,
  "fwhm_avg": 1.8642654630824598,
  "fwhm_x": 1.8190466666666667,
  "fwhm_y": 2.0013133333333335,
  "fwhm_z": 1.7724363892473796,
  "gcor": 0.0131203,
  "gsr_x": -0.018741607666015625,
  "gsr_y": 0.01644708216190338,
  "provenance": {
    "md5sum": "f1a54fefe708dfecceb39af8cb2a4177",
    "settings": {
      "fd_thres": 0.2,
      "testing": false
    },
    "software": "mriqc",
    "version": "22.0.0rc1",
    "webapi_port": null,
    "webapi_url": "https://mriqc.nimh.nih.gov/api/v1"
  },
  "size_t": 135,
  "size_x": 80,
  "size_y": 80,
  "size_z": 37,
  "snr": 5.588182960681615,
  "spacing_tr": 2.0,
  "spacing_x": 3.0,
  "spacing_y": 3.0,
  "spacing_z": 3.299999952316284,
  "summary_bg_k": 48.295465976116816,
  "summary_bg_mad": 64.54727893188296,
  "summary_bg_mean": 604.20556640625,
  "summary_bg_median": 67.24449920654297,
  "summary_bg_n": 161689.0,
  "summary_bg_p05": 7.601135158538819,
  "summary_bg_p95": 3185.2534667968803,
  "summary_bg_stdv": 1759.7764892578125,
  "summary_fg_k": 1.5102328090813186,
  "summary_fg_mad": 4462.945414107327,
  "summary_fg_mean": 25932.271484375,
  "summary_fg_median": 25670.42578125,
  "summary_fg_n": 32934.0,
  "summary_fg_p05": 19025.73974609375,
  "summary_fg_p95": 33330.0580078125,
  "summary_fg_stdv": 4593.62841796875,
  "tsnr": 93.7230224609375
}