{
  "aor": 0.022646111111111113,
  "aqi": 0.02622205265432099,
  "bids_meta": {
    "AcquisitionNumber": 9,
    "BidsifyVersion": "0.3.5",
    "ConversionSoftware": "dcm2niix",
    "ConversionSoftwareVersion": "v1.0.20181125  GCC6.3.0",
    "EchoTime": 0.02762,
    "EffectiveEchoSpacing": 0.0006621159151938905,
    "ImageComments": "PIOP",
    "ImageOrientationPatientDICOM": [
      0.999549,
      0.0300092,
      0.000905169,
      -0.0286183,
      0.961467,
      -0.273426
    ],
    "Manufacturer": "Philips",
    "NumberOfVolumesDiscardedByScanner": 2,
    "ParallelAcquisitionTechnique": "SENSE",
    "ParallelReductionFactorInPlane": 2,
    "PatientPosition": "HFS",
    "PhaseEncodingDirection": "j",
    "PhilipsRescaleIntercept": 0,
    "PhilipsRescaleSlope": 0.74432,
    "PhilipsScaleSlope": 0.0546499,
    "ProtocolName": "WIPpiopwmSENSE",
    "PulseSequenceType": "gradient echo EPI",
    "ReconMatrixPE": 80,
    "RepetitionTime": 2,
    "SeriesDescription": "ImageMRSERIES",
    "SeriesNumber": 9,
    "SliceEncodingDirection": "k",
    "SliceTiming": [
      0.0,
      0.0541,
      0.1081,
      0.1622,
      0.2162,
      0.2703,
      0.3243,
      0.3784,
      0.4324,
      0.4865,
      0.5405,
      0.5946,
      0.6486,
      0.7027,
      0.7568,
      0.8108,
      0.8649,
      0.9189,
      0.973,
      1.027,
      1.0811,
      1.1351,
      1.1892,
      1.2432,
      1.2973,
      1.3514,
      1.4054,
      1.4595,
      1.5135,
      1.5676,
      1.6216,
      1.6757,
      1.7297,
      1.7838,
      1.8378,
      1.8919,
      1.9459
    ],
    "TaskName": "workingmemory",
    "TotalReadoutTime": 0.025822520692561732,
    "UsePhilipsFloatNotDisplayScaling": 1,
    "acq_id": "seq",
    "dataset": "ds002785",
    "modality": "bold",
    "subject_id": "0083",
    "task_id": "workingmemory"
  },
  "dummy_trs": 0,
  "dvars_nstd": 47.68860386279503,
  "dvars_std": 1.3105019115527947,
  "dvars_vstd": 1.1487773201863345,
  "efc": 0.4395700242948032,
  "fber": 158802.234375,
  "fd_mean": 0.6542809226655932,
  "fd_num": 111,
  "fd_perc": 68.51851851851852,
  "fwhm_avg": 1.980140514318573,
  "fwhm_x": 1.88577,
  "fwhm_y": 2.1304333333333334,
  "fwhm_z": 1.924218209622386,
  "gcor": 0.0287531,
  "gsr_x": -0.01996970921754837,
  "gsr_y": 0.02427014149725437,
  "provenance": {
    "md5sum": "89ec9c6e9acbc2f5a243c147835b21e6",
    "settings": {
      "fd_thres": 0.2,
      "testing": false
    },
    "software": "mriqc",
    "version": "22.0.0rc1",
    "webapi_port": null,
    "webapi_url": "https://mriqc.nimh.nih.gov/api/v1"
  },
  "size_t": 162,
  "size_x": 80,
  "size_y": 80,
  "size_z": 37,
  "snr": 4.903151581110222,
  "spacing_tr": 2.0,
  "spacing_x": 3.0,
  "spacing_y": 3.0,
  "spacing_z": 3.299999952316284,
  "summary_bg_k": 72.41735231622906,
  "summary_bg_mad": 50.402511516076245,
  "summary_bg_mean": 409.9574890136719,
  "summary_bg_median": 56.18629455566406,
  "summary_bg_n": 155016.0,
  "summary_bg_p05": 9.977025270462036,
  "summary_bg_p95": 2160.770263671875,
  "summary_bg_stdv": 1209.994140625,
  "summary_fg_k": 2.623725485089694,
  "summary_fg_mad": 4158.550093974125,
  "summary_fg_mean": 23639.78515625,
  "summary_fg_median": 23044.75,
  "summary_fg_n": 40470.0,
  "summary_fg_p05": 17245.17763671875,
  "summary_fg_p95": 31496.103417968738,
  "summary_fg_stdv": 4699.92919921875,
  "tsnr": 31.06846046447754
}