{
  "aor": 0.0006528661087866108,
  "aqi": 0.018082132656903768,
  "bids_meta": {
    "AcquisitionNumber": 6,
    "BidsifyVersion": "0.3.5",
    "ConversionSoftware": "dcm2niix",
    "ConversionSoftwareVersion": "v1.0.20181125  GCC6.3.0",
    "EchoTime": 0.02762,
    "EffectiveEchoSpacing": 0.0006333282667071997,
    "ImageComments": "Piop",
    "ImageOrientationPatientDICOM": [
      0.997186,
      0.0101008,
      -0.0742871,
      -0.0372623,
      0.926601,
      -0.374196
    ],
    "Manufacturer": "Philips",
    "NumberOfVolumesDiscardedByScanner": 2,
    "ParallelAcquisitionTechnique": "SENSE",
    "ParallelReductionFactorInPlane": 2,
    "PatientPosition": "HFS",
    "PhaseEncodingDirection": "j",
    "PhilipsRescaleIntercept": 0,
    "PhilipsRescaleSlope": 0.84103,
    "PhilipsScaleSlope": 0.0899938,
    "ProtocolName": "WIPpioprsSENSE",
    "PulseSequenceType": "gradient echo EPI",
    "ReconMatrixPE": 80,
    "RepetitionTime": 0.75,
    "SeriesDescription": "ImageMRSERIES",
    "SeriesNumber": 6,
    "SliceEncodingDirection": "k",
    "SliceTiming": [
      0.0,
      0.06755050505050506,
      0.1351010101010101,
      0.20265151515151517,
      0.2702020202020202,
      0.3377525252525253,
      0.40530303030303033,
      0.47285353535353536,
      0.5404040404040404,
      0.6079545454545455,
      0.6755050505050506,
      0.7430555555555556,
      0.0,
      0.06755050505050506,
      0.1351010101010101,
      0.20265151515151517,
      0.2702020202020202,
      0.3377525252525253,
      0.40530303030303033,
      0.47285353535353536,
      0.5404040404040404,
      0.6079545454545455,
      0.6755050505050506,
      0.7430555555555556,
      0.0,
      0.06755050505050506,
      0.1351010101010101,
      0.20265151515151517,
      0.2702020202020202,
      0.3377525252525253,
      0.40530303030303033,
      0.47285353535353536,
      0.5404040404040404,
      0.6079545454545455,
      0.6755050505050506,
      0.7430555555555556
    ],
    "TaskName": "restingstate",
    "TotalReadoutTime": 0.024699802401580786,
    "UsePhilipsFloatNotDisplayScaling": 1,
    "acq_id": "mb3",
    "dataset": "ds002785",
    "modality": "bold",
    "subject_id": "0066",
    "task_id": "restingstate"
  },
  "dummy_trs": 2,
  "dvars_nstd": 28.632873783018876,
  "dvars_std": 1.0891015656184482,
  "dvars_vstd": 0.964898661949686,
  "efc": 0.44099452915535264,
  "fber": 130388.8046875,
  "fd_mean": 0.12858331072748022,
  "fd_num": 41,
  "fd_perc": 8.577405857740585,
  "fwhm_avg": 1.9653729382498202,
  "fwhm_x": 1.96412,
  "fwhm_y": 2.0723866666666666,
  "fwhm_z": 1.8596121480827932,
  "gcor": 0.00904574,
  "gsr_x": -0.02025795914232731,
  "gsr_y": 0.014720724895596504,
  "provenance": {
    "md5sum": "e8ec908fe226be489f9e2749149ccd9d",
    "settings": {
      "fd_thres": 0.2,
      "testing": false
    },
    "software": "mriqc",
    "version": "22.0.0rc1",
    "webapi_port": null,
    "webapi_url": "https://mriqc.nimh.nih.gov/api/v1"
  },
  "size_t": 478,
  "size_x": 80,
  "size_y": 80,
  "size_z": 36,
  "snr": 6.221998183373089,
  "spacing_tr": 0.75,
  "spacing_x": 3.0,
  "spacing_y": 3.0,
  "spacing_z": 3.299999952316284,
  "summary_bg_k": 41.98000666192272,
  "summary_bg_mad": 52.41797763580427,
  "summary_bg_mean": 391.1913146972656,
  "summary_bg_median": 48.425045013427734,
  "summary_bg_n": 152457.0,
  "summary_bg_p05": 4.560926342010498,
  "summary_bg_p95": 1987.6477294921865,
  "summary_bg_stdv": 1074.0997314453125,
  "summary_fg_k": 0.3449898848162931,
  "summary_fg_mad": 2876.184598336791,
  "summary_fg_mean": 18060.5,
  "summary_fg_median": 18107.51171875,
  "summary_fg_n": 37137.0,
  "summary_fg_p05": 13276.025,
  "summary_fg_p95": 22736.02578125,
  "summary_fg_stdv": 2910.201416015625,
  "tsnr": 38.378597259521484
}