{
  "aor": 0.003970484848484848,
  "aqi": 0.01181697496969697,
  "bids_meta": {
    "AcquisitionNumber": 2,
    "BidsifyVersion": "0.3.5",
    "ConversionSoftware": "dcm2niix",
    "ConversionSoftwareVersion": "v1.0.20181125  GCC6.3.0",
    "EchoTime": 0.02762,
    "EffectiveEchoSpacing": 0.0006333282667071997,
    "ImageComments": "Piop",
    "ImageOrientationPatientDICOM": [
      0.997186,
      0.0101008,
      -0.0742871,
      -0.0372623,
      0.926601,
      -0.374196
    ],
    "Manufacturer": "Philips",
    "NumberOfVolumesDiscardedByScanner": 2,
    "ParallelAcquisitionTechnique": "SENSE",
    "ParallelReductionFactorInPlane": 2,
    "PatientPosition": "HFS",
    "PhaseEncodingDirection": "j",
    "PhilipsRescaleIntercept": 0,
    "PhilipsRescaleSlope": 0.82173,
    "PhilipsScaleSlope": 0.0941896,
    "ProtocolName": "WIPpiopfacesSENSE",
    "PulseSequenceType": "gradient echo EPI",
    "ReconMatrixPE": 80,
    "RepetitionTime": 0.75,
    "SeriesDescription": "ImageMRSERIES",
    "SeriesNumber": 2,
    "SliceEncodingDirection": "k",
    "SliceTiming": [
      0.0,
      0.06755050505050506,
      0.1351010101010101,
      0.20265151515151517,
      0.2702020202020202,
      0.3377525252525253,
      0.40530303030303033,
      0.47285353535353536,
      0.5404040404040404,
      0.6079545454545455,
      0.6755050505050506,
      0.7430555555555556,
      0.0,
      0.06755050505050506,
      0.1351010101010101,
      0.20265151515151517,
      0.2702020202020202,
      0.3377525252525253,
      0.40530303030303033,
      0.47285353535353536,
      0.5404040404040404,
      0.6079545454545455,
      0.6755050505050506,
      0.7430555555555556,
      0.0,
      0.06755050505050506,
      0.1351010101010101,
      0.20265151515151517,
      0.2702020202020202,
      0.3377525252525253,
      0.40530303030303033,
      0.47285353535353536,
      0.5404040404040404,
      0.6079545454545455,
      0.6755050505050506,
      0.7430555555555556
    ],
    "TaskName": "faces",
    "TotalReadoutTime": 0.024699802401580786,
    "UsePhilipsFloatNotDisplayScaling": 1,
    "acq_id": "mb3",
    "dataset": "ds002785",
    "modality": "bold",
    "subject_id": "0066",
    "task_id": "faces"
  },
  "dummy_trs": 0,
  "dvars_nstd": 27.597388102249248,
  "dvars_std": 1.2541699077811561,
  "dvars_vstd": 1.039275565866261,
  "efc": 0.4437713097601883,
  "fber": 139947.6875,
  "fd_mean": 0.133493223211543,
  "fd_num": 31,
  "fd_perc": 9.393939393939394,
  "fwhm_avg": 2.135025814667926,
  "fwhm_x": 2.1494166666666668,
  "fwhm_y": 2.2801,
  "fwhm_z": 1.9755607773371129,
  "gcor": 0.00711792,
  "gsr_x": -0.02225460670888424,
  "gsr_y": 0.013163824565708637,
  "provenance": {
    "md5sum": "7aede9261ebabdcc656e1356be19571c",
    "settings": {
      "fd_thres": 0.2,
      "testing": false
    },
    "software": "mriqc",
    "version": "22.0.0rc1",
    "webapi_port": null,
    "webapi_url": "https://mriqc.nimh.nih.gov/api/v1"
  },
  "size_t": 330,
  "size_x": 80,
  "size_y": 80,
  "size_z": 36,
  "snr": 6.282687956041012,
  "spacing_tr": 0.75,
  "spacing_x": 3.0,
  "spacing_y": 3.0,
  "spacing_z": 3.299999713897705,
  "summary_bg_k": 36.127863243110674,
  "summary_bg_mad": 51.004807355986884,
  "summary_bg_mean": 415.40069580078125,
  "summary_bg_median": 48.61680603027344,
  "summary_bg_n": 152410.0,
  "summary_bg_p05": 5.280368518829346,
  "summary_bg_p95": 2058.092187499999,
  "summary_bg_stdv": 1134.11572265625,
  "summary_fg_k": 0.27093927420513886,
  "summary_fg_mad": 2918.2244792123074,
  "summary_fg_mean": 18510.60546875,
  "summary_fg_median": 18590.494140625,
  "summary_fg_n": 37327.0,
  "summary_fg_p05": 13549.84326171875,
  "summary_fg_p95": 23199.55078125,
  "summary_fg_stdv": 2958.963623046875,
  "tsnr": 50.150875091552734
}