{
  "aor": 0.0088175,
  "aqi": 0.01051150325,
  "bids_meta": {
    "AcquisitionNumber": 9,
    "BidsifyVersion": "0.3.5",
    "ConversionSoftware": "dcm2niix",
    "ConversionSoftwareVersion": "v1.0.20181125  GCC6.3.0",
    "EchoTime": 0.02762,
    "EffectiveEchoSpacing": 0.0006621159151938905,
    "ImageComments": "Piop",
    "ImageOrientationPatientDICOM": [
      0.997186,
      0.0101008,
      -0.0742871,
      -0.0372623,
      0.926601,
      -0.374196
    ],
    "Manufacturer": "Philips",
    "NumberOfVolumesDiscardedByScanner": 2,
    "ParallelAcquisitionTechnique": "SENSE",
    "ParallelReductionFactorInPlane": 2,
    "PatientPosition": "HFS",
    "PhaseEncodingDirection": "j",
    "PhilipsRescaleIntercept": 0,
    "PhilipsRescaleSlope": 0.78803,
    "PhilipsScaleSlope": 0.059817,
    "ProtocolName": "WIPpiopanticipatieSENSE",
    "PulseSequenceType": "gradient echo EPI",
    "ReconMatrixPE": 80,
    "RepetitionTime": 2,
    "SeriesDescription": "ImageMRSERIES",
    "SeriesNumber": 9,
    "SliceEncodingDirection": "k",
    "SliceTiming": [
      0.0,
      0.0541,
      0.1081,
      0.1622,
      0.2162,
      0.2703,
      0.3243,
      0.3784,
      0.4324,
      0.4865,
      0.5405,
      0.5946,
      0.6486,
      0.7027,
      0.7568,
      0.8108,
      0.8649,
      0.9189,
      0.973,
      1.027,
      1.0811,
      1.1351,
      1.1892,
      1.2432,
      1.2973,
      1.3514,
      1.4054,
      1.4595,
      1.5135,
      1.5676,
      1.6216,
      1.6757,
      1.7297,
      1.7838,
      1.8378,
      1.8919,
      1.9459
    ],
    "TaskName": "anticipation",
    "TotalReadoutTime": 0.025822520692561732,
    "UsePhilipsFloatNotDisplayScaling": 1,
    "acq_id": "seq",
    "dataset": "ds002785",
    "modality": "bold",
    "subject_id": "0066",
    "task_id": "anticipation"
  },
  "dummy_trs": 0,
  "dvars_nstd": 17.31931096939697,
  "dvars_std": 1.1068105446231158,
  "dvars_vstd": 1.038525133819095,
  "efc": 0.4358755548436106,
  "fber": 144480.75,
  "fd_mean": 0.13572157459928474,
  "fd_num": 29,
  "fd_perc": 14.5,
  "fwhm_avg": 1.8385988973860627,
  "fwhm_x": 1.7784466666666667,
  "fwhm_y": 1.9731833333333333,
  "fwhm_z": 1.7641666921581889,
  "gcor": 0.00796062,
  "gsr_x": -0.018018372356891632,
  "gsr_y": 0.014350752346217632,
  "provenance": {
    "md5sum": "6b865f56d9814ae28cb8a058da58fe79",
    "settings": {
      "fd_thres": 0.2,
      "testing": false
    },
    "software": "mriqc",
    "version": "22.0.0rc1",
    "webapi_port": null,
    "webapi_url": "https://mriqc.nimh.nih.gov/api/v1"
  },
  "size_t": 200,
  "size_x": 80,
  "size_y": 80,
  "size_z": 37,
  "snr": 5.699722193096528,
  "spacing_tr": 2.0,
  "spacing_x": 3.0,
  "spacing_y": 3.0,
  "spacing_z": 3.299999952316284,
  "summary_bg_k": 42.15690297599914,
  "summary_bg_mad": 63.24781748482012,
  "summary_bg_mean": 502.0025939941406,
  "summary_bg_median": 61.374267578125,
  "summary_bg_n": 157080.0,
  "summary_bg_p05": 6.576196360588074,
  "summary_bg_p95": 2664.780773925781,
  "summary_bg_stdv": 1472.7762451171875,
  "summary_fg_k": 0.716509662915493,
  "summary_fg_mad": 4198.741065637697,
  "summary_fg_mean": 24530.5703125,
  "summary_fg_median": 24194.07421875,
  "summary_fg_n": 38090.0,
  "summary_fg_p05": 18102.78330078125,
  "summary_fg_p95": 31646.48916015625,
  "summary_fg_stdv": 4244.7255859375,
  "tsnr": 60.029258728027344
}