{
  "aor": 0.0032253703703703706,
  "aqi": 0.014091183209876545,
  "bids_meta": {
    "AcquisitionNumber": 8,
    "BidsifyVersion": "0.3.5",
    "ConversionSoftware": "dcm2niix",
    "ConversionSoftwareVersion": "v1.0.20181125  GCC6.3.0",
    "EchoTime": 0.02762,
    "EffectiveEchoSpacing": 0.0006621159151938905,
    "ImageComments": "Piop",
    "ImageOrientationPatientDICOM": [
      0.997186,
      0.0101008,
      -0.0742871,
      -0.0372623,
      0.926601,
      -0.374196
    ],
    "Manufacturer": "Philips",
    "NumberOfVolumesDiscardedByScanner": 2,
    "ParallelAcquisitionTechnique": "SENSE",
    "ParallelReductionFactorInPlane": 2,
    "PatientPosition": "HFS",
    "PhaseEncodingDirection": "j",
    "PhilipsRescaleIntercept": 0,
    "PhilipsRescaleSlope": 0.80586,
    "PhilipsScaleSlope": 0.0586986,
    "ProtocolName": "WIPpiopwmSENSE",
    "PulseSequenceType": "gradient echo EPI",
    "ReconMatrixPE": 80,
    "RepetitionTime": 2,
    "SeriesDescription": "ImageMRSERIES",
    "SeriesNumber": 8,
    "SliceEncodingDirection": "k",
    "SliceTiming": [
      0.0,
      0.0541,
      0.1081,
      0.1622,
      0.2162,
      0.2703,
      0.3243,
      0.3784,
      0.4324,
      0.4865,
      0.5405,
      0.5946,
      0.6486,
      0.7027,
      0.7568,
      0.8108,
      0.8649,
      0.9189,
      0.973,
      1.027,
      1.0811,
      1.1351,
      1.1892,
      1.2432,
      1.2973,
      1.3514,
      1.4054,
      1.4595,
      1.5135,
      1.5676,
      1.6216,
      1.6757,
      1.7297,
      1.7838,
      1.8378,
      1.8919,
      1.9459
    ],
    "TaskName": "workingmemory",
    "TotalReadoutTime": 0.025822520692561732,
    "UsePhilipsFloatNotDisplayScaling": 1,
    "acq_id": "seq",
    "dataset": "ds002785",
    "modality": "bold",
    "subject_id": "0066",
    "task_id": "workingmemory"
  },
  "dummy_trs": 0,
  "dvars_nstd": 18.533670146583848,
  "dvars_std": 1.018525510372671,
  "dvars_vstd": 0.9342672849068322,
  "efc": 0.4352038552390219,
  "fber": 141281.0625,
  "fd_mean": 0.1563084647947661,
  "fd_num": 25,
  "fd_perc": 15.432098765432098,
  "fwhm_avg": 1.9005584936982878,
  "fwhm_x": 1.83528,
  "fwhm_y": 2.0290166666666667,
  "fwhm_z": 1.8373788144281966,
  "gcor": 0.00528532,
  "gsr_x": -0.018142927438020706,
  "gsr_y": 0.015292013064026833,
  "provenance": {
    "md5sum": "ee9780866c62fa9c09a4c7ce694367bd",
    "settings": {
      "fd_thres": 0.2,
      "testing": false
    },
    "software": "mriqc",
    "version": "22.0.0rc1",
    "webapi_port": null,
    "webapi_url": "https://mriqc.nimh.nih.gov/api/v1"
  },
  "size_t": 162,
  "size_x": 80,
  "size_y": 80,
  "size_z": 37,
  "snr": 5.559275311688048,
  "spacing_tr": 2.0,
  "spacing_x": 3.0,
  "spacing_y": 3.0,
  "spacing_z": 3.299999952316284,
  "summary_bg_k": 42.32451621331383,
  "summary_bg_mad": 62.17185149013722,
  "summary_bg_mean": 508.385986328125,
  "summary_bg_median": 63.445518493652344,
  "summary_bg_n": 157161.0,
  "summary_bg_p05": 7.44847297668457,
  "summary_bg_p95": 2687.388671875,
  "summary_bg_stdv": 1488.2403564453125,
  "summary_fg_k": 0.6276595198437502,
  "summary_fg_mad": 4392.762152447327,
  "summary_fg_mean": 24975.794921875,
  "summary_fg_median": 24669.923828125,
  "summary_fg_n": 37983.0,
  "summary_fg_p05": 18213.76171875,
  "summary_fg_p95": 32298.494921875,
  "summary_fg_stdv": 4437.556640625,
  "tsnr": 50.543270111083984
}