{
  "aor": 0.0012864489795918366,
  "aqi": 0.013414422775510205,
  "bids_meta": {
    "AcquisitionNumber": 3,
    "BidsifyVersion": "0.3.5",
    "ConversionSoftware": "dcm2niix",
    "ConversionSoftwareVersion": "v1.0.20181125  GCC6.3.0",
    "EchoTime": 0.02762,
    "EffectiveEchoSpacing": 0.0006621159151938905,
    "ImageComments": "Piop",
    "ImageOrientationPatientDICOM": [
      0.997186,
      0.0101008,
      -0.0742871,
      -0.0372623,
      0.926601,
      -0.374196
    ],
    "Manufacturer": "Philips",
    "NumberOfVolumesDiscardedByScanner": 2,
    "ParallelAcquisitionTechnique": "SENSE",
    "ParallelReductionFactorInPlane": 2,
    "PatientPosition": "HFS",
    "PhaseEncodingDirection": "j",
    "PhilipsRescaleIntercept": 0,
    "PhilipsRescaleSlope": 0.81001,
    "PhilipsScaleSlope": 0.0575007,
    "ProtocolName": "WIPpiopgstroopSENSE",
    "PulseSequenceType": "gradient echo EPI",
    "ReconMatrixPE": 80,
    "RepetitionTime": 2,
    "SeriesDescription": "ImageMRSERIES",
    "SeriesNumber": 3,
    "SliceEncodingDirection": "k",
    "SliceTiming": [
      0.0,
      0.0541,
      0.1081,
      0.1622,
      0.2162,
      0.2703,
      0.3243,
      0.3784,
      0.4324,
      0.4865,
      0.5405,
      0.5946,
      0.6486,
      0.7027,
      0.7568,
      0.8108,
      0.8649,
      0.9189,
      0.973,
      1.027,
      1.0811,
      1.1351,
      1.1892,
      1.2432,
      1.2973,
      1.3514,
      1.4054,
      1.4595,
      1.5135,
      1.5676,
      1.6216,
      1.6757,
      1.7297,
      1.7838,
      1.8378,
      1.8919,
      1.9459
    ],
    "TaskName": "gstroop",
    "TotalReadoutTime": 0.025822520692561732,
    "UsePhilipsFloatNotDisplayScaling": 1,
    "acq_id": "seq",
    "dataset": "ds002785",
    "modality": "bold",
    "subject_id": "0066",
    "task_id": "gstroop"
  },
  "dummy_trs": 0,
  "dvars_nstd": 25.56740911635244,
  "dvars_std": 1.2288731354918039,
  "dvars_vstd": 0.9336675429918038,
  "efc": 0.43801191473398987,
  "fber": 141648.921875,
  "fd_mean": 0.16352651545437716,
  "fd_num": 59,
  "fd_perc": 24.081632653061224,
  "fwhm_avg": 1.838474655039177,
  "fwhm_x": 1.76689,
  "fwhm_y": 1.9683066666666666,
  "fwhm_z": 1.7802272984508642,
  "gcor": 0.00705721,
  "gsr_x": -0.019842680543661118,
  "gsr_y": 0.0125286765396595,
  "provenance": {
    "md5sum": "61ca6c4f531a77a9ff763bd7abc72f7c",
    "settings": {
      "fd_thres": 0.2,
      "testing": false
    },
    "software": "mriqc",
    "version": "22.0.0rc1",
    "webapi_port": null,
    "webapi_url": "https://mriqc.nimh.nih.gov/api/v1"
  },
  "size_t": 245,
  "size_x": 80,
  "size_y": 80,
  "size_z": 37,
  "snr": 5.638592873157781,
  "spacing_tr": 2.0,
  "spacing_x": 3.0,
  "spacing_y": 3.0,
  "spacing_z": 3.299999952316284,
  "summary_bg_k": 38.8428455551934,
  "summary_bg_mad": 63.90306885765321,
  "summary_bg_mean": 544.7278442382812,
  "summary_bg_median": 64.86602020263672,
  "summary_bg_n": 156929.0,
  "summary_bg_p05": 8.073271369934082,
  "summary_bg_p95": 2764.5869140625027,
  "summary_bg_stdv": 1599.4970703125,
  "summary_fg_k": 0.9043108328971456,
  "summary_fg_mad": 4388.1753518338255,
  "summary_fg_mean": 25527.630859375,
  "summary_fg_median": 25215.552734375,
  "summary_fg_n": 38227.0,
  "summary_fg_p05": 18811.6189453125,
  "summary_fg_p95": 32830.131640625,
  "summary_fg_stdv": 4471.89990234375,
  "tsnr": 49.62345504760742
}