{
  "aor": 0.0009378518518518518,
  "aqi": 0.015273106592592593,
  "bids_meta": {
    "AcquisitionNumber": 5,
    "BidsifyVersion": "0.3.5",
    "ConversionSoftware": "dcm2niix",
    "ConversionSoftwareVersion": "v1.0.20181125  GCC6.3.0",
    "EchoTime": 0.02762,
    "EffectiveEchoSpacing": 0.0006621159151938905,
    "ImageComments": "Piop",
    "ImageOrientationPatientDICOM": [
      0.997186,
      0.0101008,
      -0.0742871,
      -0.0372623,
      0.926601,
      -0.374196
    ],
    "Manufacturer": "Philips",
    "NumberOfVolumesDiscardedByScanner": 2,
    "ParallelAcquisitionTechnique": "SENSE",
    "ParallelReductionFactorInPlane": 2,
    "PatientPosition": "HFS",
    "PhaseEncodingDirection": "j",
    "PhilipsRescaleIntercept": 0,
    "PhilipsRescaleSlope": 0.87839,
    "PhilipsScaleSlope": 0.0555176,
    "ProtocolName": "WIPpiopharririSENSE",
    "PulseSequenceType": "gradient echo EPI",
    "ReconMatrixPE": 80,
    "RepetitionTime": 2,
    "SeriesDescription": "ImageMRSERIES",
    "SeriesNumber": 5,
    "SliceEncodingDirection": "k",
    "SliceTiming": [
      0.0,
      0.0541,
      0.1081,
      0.1622,
      0.2162,
      0.2703,
      0.3243,
      0.3784,
      0.4324,
      0.4865,
      0.5405,
      0.5946,
      0.6486,
      0.7027,
      0.7568,
      0.8108,
      0.8649,
      0.9189,
      0.973,
      1.027,
      1.0811,
      1.1351,
      1.1892,
      1.2432,
      1.2973,
      1.3514,
      1.4054,
      1.4595,
      1.5135,
      1.5676,
      1.6216,
      1.6757,
      1.7297,
      1.7838,
      1.8378,
      1.8919,
      1.9459
    ],
    "TaskName": "emomatching",
    "TotalReadoutTime": 0.025822520692561732,
    "UsePhilipsFloatNotDisplayScaling": 1,
    "acq_id": "seq",
    "dataset": "ds002785",
    "modality": "bold",
    "subject_id": "0066",
    "task_id": "emomatching"
  },
  "dummy_trs": 0,
  "dvars_nstd": 23.755474289701485,
  "dvars_std": 1.1208982941044776,
  "dvars_vstd": 0.9042188615671648,
  "efc": 0.4370753543425362,
  "fber": 145915.296875,
  "fd_mean": 0.16579701484353704,
  "fd_num": 34,
  "fd_perc": 25.185185185185187,
  "fwhm_avg": 1.8607209176279291,
  "fwhm_x": 1.7959800000000001,
  "fwhm_y": 2.013743333333333,
  "fwhm_z": 1.7724394195504538,
  "gcor": 0.00547018,
  "gsr_x": -0.0191078782081604,
  "gsr_y": 0.014071598649024963,
  "provenance": {
    "md5sum": "2247a9721be1f0a36bf4c5249d55b361",
    "settings": {
      "fd_thres": 0.2,
      "testing": false
    },
    "software": "mriqc",
    "version": "22.0.0rc1",
    "webapi_port": null,
    "webapi_url": "https://mriqc.nimh.nih.gov/api/v1"
  },
  "size_t": 135,
  "size_x": 80,
  "size_y": 80,
  "size_z": 37,
  "snr": 5.560953522420542,
  "spacing_tr": 2.0,
  "spacing_x": 3.0,
  "spacing_y": 3.0,
  "spacing_z": 3.299999952316284,
  "summary_bg_k": 39.258389592891845,
  "summary_bg_mad": 63.055819920644424,
  "summary_bg_mean": 519.3886108398438,
  "summary_bg_median": 63.23525619506836,
  "summary_bg_n": 156796.0,
  "summary_bg_p05": 7.450330138206482,
  "summary_bg_p95": 2706.5065307617188,
  "summary_bg_stdv": 1500.9647216796875,
  "summary_fg_k": 0.8558932882025037,
  "summary_fg_mad": 4413.903712598322,
  "summary_fg_mean": 25271.732421875,
  "summary_fg_median": 24950.0078125,
  "summary_fg_n": 38324.0,
  "summary_fg_p05": 18488.7826171875,
  "summary_fg_p95": 32622.601953125,
  "summary_fg_stdv": 4486.58349609375,
  "tsnr": 47.82185363769531
}