{
  "aor": 0.0007680000000000001,
  "aqi": 0.00599247081632653,
  "bids_meta": {
    "AcquisitionNumber": 3,
    "BidsifyVersion": "0.3.5",
    "ConversionSoftware": "dcm2niix",
    "ConversionSoftwareVersion": "v1.0.20181125  GCC6.3.0",
    "EchoTime": 0.02762,
    "EffectiveEchoSpacing": 0.0006621159151938905,
    "ImageComments": "PioP",
    "ImageOrientationPatientDICOM": [
      0.995535,
      0.0943908,
      4.75161e-06,
      -0.0895497,
      0.944493,
      -0.316092
    ],
    "Manufacturer": "Philips",
    "NumberOfVolumesDiscardedByScanner": 2,
    "ParallelAcquisitionTechnique": "SENSE",
    "ParallelReductionFactorInPlane": 2,
    "PatientPosition": "HFS",
    "PhaseEncodingDirection": "j",
    "PhilipsRescaleIntercept": 0,
    "PhilipsRescaleSlope": 0.81636,
    "PhilipsScaleSlope": 0.0582038,
    "ProtocolName": "WIPpiopgstroopSENSE",
    "PulseSequenceType": "gradient echo EPI",
    "ReconMatrixPE": 80,
    "RepetitionTime": 2,
    "SeriesDescription": "ImageMRSERIES",
    "SeriesNumber": 3,
    "SliceEncodingDirection": "k",
    "SliceTiming": [
      0.0,
      0.0541,
      0.1081,
      0.1622,
      0.2162,
      0.2703,
      0.3243,
      0.3784,
      0.4324,
      0.4865,
      0.5405,
      0.5946,
      0.6486,
      0.7027,
      0.7568,
      0.8108,
      0.8649,
      0.9189,
      0.973,
      1.027,
      1.0811,
      1.1351,
      1.1892,
      1.2432,
      1.2973,
      1.3514,
      1.4054,
      1.4595,
      1.5135,
      1.5676,
      1.6216,
      1.6757,
      1.7297,
      1.7838,
      1.8378,
      1.8919,
      1.9459
    ],
    "TaskName": "gstroop",
    "TotalReadoutTime": 0.025822520692561732,
    "UsePhilipsFloatNotDisplayScaling": 1,
    "acq_id": "seq",
    "dataset": "ds002785",
    "modality": "bold",
    "subject_id": "0043",
    "task_id": "gstroop"
  },
  "dummy_trs": 0,
  "dvars_nstd": 20.244917783975414,
  "dvars_std": 1.1289051787704907,
  "dvars_vstd": 0.9573409243852458,
  "efc": 0.44073447118296094,
  "fber": 153300.4375,
  "fd_mean": 0.1600819098867514,
  "fd_num": 59,
  "fd_perc": 24.081632653061224,
  "fwhm_avg": 1.7444011192934443,
  "fwhm_x": 1.6792299999999998,
  "fwhm_y": 1.8551733333333333,
  "fwhm_z": 1.6988000245469994,
  "gcor": 0.00876763,
  "gsr_x": -0.018418554216623306,
  "gsr_y": 0.013768627308309078,
  "provenance": {
    "md5sum": "076c0c6f398ec04434ea2a4be8a9bf23",
    "settings": {
      "fd_thres": 0.2,
      "testing": false
    },
    "software": "mriqc",
    "version": "22.0.0rc1",
    "webapi_port": null,
    "webapi_url": "https://mriqc.nimh.nih.gov/api/v1"
  },
  "size_t": 245,
  "size_x": 80,
  "size_y": 80,
  "size_z": 37,
  "snr": 5.248431783095939,
  "spacing_tr": 2.0,
  "spacing_x": 3.0,
  "spacing_y": 3.0,
  "spacing_z": 3.299999952316284,
  "summary_bg_k": 42.17213713634597,
  "summary_bg_mad": 62.59386691807168,
  "summary_bg_mean": 715.226318359375,
  "summary_bg_median": 61.78439712524414,
  "summary_bg_n": 157911.0,
  "summary_bg_p05": 6.607196092605591,
  "summary_bg_p95": 4340.88818359375,
  "summary_bg_stdv": 2109.822265625,
  "summary_fg_k": 2.402858118518611,
  "summary_fg_mad": 4141.064364488879,
  "summary_fg_mean": 25125.53125,
  "summary_fg_median": 24480.361328125,
  "summary_fg_n": 37084.0,
  "summary_fg_p05": 18949.5484375,
  "summary_fg_p95": 33154.38828125,
  "summary_fg_stdv": 4664.25634765625,
  "tsnr": 69.70254516601562
}