{
  "aor": 0.0016014814814814815,
  "aqi": 0.003394893333333333,
  "bids_meta": {
    "AcquisitionNumber": 8,
    "BidsifyVersion": "0.3.5",
    "ConversionSoftware": "dcm2niix",
    "ConversionSoftwareVersion": "v1.0.20181125  GCC6.3.0",
    "EchoTime": 0.02762,
    "EffectiveEchoSpacing": 0.0006621159151938905,
    "ImageComments": "PioP",
    "ImageOrientationPatientDICOM": [
      0.995535,
      0.0943908,
      4.75161e-06,
      -0.0895497,
      0.944493,
      -0.316092
    ],
    "Manufacturer": "Philips",
    "NumberOfVolumesDiscardedByScanner": 2,
    "ParallelAcquisitionTechnique": "SENSE",
    "ParallelReductionFactorInPlane": 2,
    "PatientPosition": "HFS",
    "PhaseEncodingDirection": "j",
    "PhilipsRescaleIntercept": 0,
    "PhilipsRescaleSlope": 0.78144,
    "PhilipsScaleSlope": 0.061179,
    "ProtocolName": "WIPpiopwmSENSE",
    "PulseSequenceType": "gradient echo EPI",
    "ReconMatrixPE": 80,
    "RepetitionTime": 2,
    "SeriesDescription": "ImageMRSERIES",
    "SeriesNumber": 8,
    "SliceEncodingDirection": "k",
    "SliceTiming": [
      0.0,
      0.0541,
      0.1081,
      0.1622,
      0.2162,
      0.2703,
      0.3243,
      0.3784,
      0.4324,
      0.4865,
      0.5405,
      0.5946,
      0.6486,
      0.7027,
      0.7568,
      0.8108,
      0.8649,
      0.9189,
      0.973,
      1.027,
      1.0811,
      1.1351,
      1.1892,
      1.2432,
      1.2973,
      1.3514,
      1.4054,
      1.4595,
      1.5135,
      1.5676,
      1.6216,
      1.6757,
      1.7297,
      1.7838,
      1.8378,
      1.8919,
      1.9459
    ],
    "TaskName": "workingmemory",
    "TotalReadoutTime": 0.025822520692561732,
    "UsePhilipsFloatNotDisplayScaling": 1,
    "acq_id": "seq",
    "dataset": "ds002785",
    "modality": "bold",
    "subject_id": "0043",
    "task_id": "workingmemory"
  },
  "dummy_trs": 0,
  "dvars_nstd": 17.661231005590068,
  "dvars_std": 1.1513857577639754,
  "dvars_vstd": 1.0266828671428572,
  "efc": 0.44264821503466345,
  "fber": 148866.234375,
  "fd_mean": 0.11051552557756483,
  "fd_num": 8,
  "fd_perc": 4.938271604938271,
  "fwhm_avg": 1.742798493050303,
  "fwhm_x": 1.6797199999999999,
  "fwhm_y": 1.84583,
  "fwhm_z": 1.7028454791509091,
  "gcor": 0.013887,
  "gsr_x": -0.018144825473427773,
  "gsr_y": 0.013857652433216572,
  "provenance": {
    "md5sum": "c1cf94cc8f5a2636ad0931b831d6594c",
    "settings": {
      "fd_thres": 0.2,
      "testing": false
    },
    "software": "mriqc",
    "version": "22.0.0rc1",
    "webapi_port": null,
    "webapi_url": "https://mriqc.nimh.nih.gov/api/v1"
  },
  "size_t": 162,
  "size_x": 80,
  "size_y": 80,
  "size_z": 37,
  "snr": 5.232084740834921,
  "spacing_tr": 2.0,
  "spacing_x": 3.0,
  "spacing_y": 3.0,
  "spacing_z": 3.299999952316284,
  "summary_bg_k": 34.039915836130206,
  "summary_bg_mad": 63.253743222103594,
  "summary_bg_mean": 740.2955322265625,
  "summary_bg_median": 62.02476501464844,
  "summary_bg_n": 157869.0,
  "summary_bg_p05": 6.082795143127441,
  "summary_bg_p95": 4603.710156250003,
  "summary_bg_stdv": 2138.6982421875,
  "summary_fg_k": 2.284704040299715,
  "summary_fg_mad": 4140.644486907467,
  "summary_fg_mean": 24889.775390625,
  "summary_fg_median": 24269.908203125,
  "summary_fg_n": 37201.0,
  "summary_fg_p05": 18683.87890625,
  "summary_fg_p95": 32901.96484375,
  "summary_fg_stdv": 4638.6064453125,
  "tsnr": 84.74384307861328
}