{
  "aor": 0.00033139393939393935,
  "aqi": 0.006605420393939395,
  "bids_meta": {
    "AcquisitionNumber": 2,
    "BidsifyVersion": "0.3.5",
    "ConversionSoftware": "dcm2niix",
    "ConversionSoftwareVersion": "v1.0.20181125  GCC6.3.0",
    "EchoTime": 0.02762,
    "EffectiveEchoSpacing": 0.0006333282667071997,
    "ImageComments": "PioP",
    "ImageOrientationPatientDICOM": [
      0.995535,
      0.0943908,
      4.75161e-06,
      -0.0895497,
      0.944493,
      -0.316092
    ],
    "Manufacturer": "Philips",
    "NumberOfVolumesDiscardedByScanner": 2,
    "ParallelAcquisitionTechnique": "SENSE",
    "ParallelReductionFactorInPlane": 2,
    "PatientPosition": "HFS",
    "PhaseEncodingDirection": "j",
    "PhilipsRescaleIntercept": 0,
    "PhilipsRescaleSlope": 0.779,
    "PhilipsScaleSlope": 0.0940818,
    "ProtocolName": "WIPpiopfacesSENSE",
    "PulseSequenceType": "gradient echo EPI",
    "ReconMatrixPE": 80,
    "RepetitionTime": 0.75,
    "SeriesDescription": "ImageMRSERIES",
    "SeriesNumber": 2,
    "SliceEncodingDirection": "k",
    "SliceTiming": [
      0.0,
      0.06755050505050506,
      0.1351010101010101,
      0.20265151515151517,
      0.2702020202020202,
      0.3377525252525253,
      0.40530303030303033,
      0.47285353535353536,
      0.5404040404040404,
      0.6079545454545455,
      0.6755050505050506,
      0.7430555555555556,
      0.0,
      0.06755050505050506,
      0.1351010101010101,
      0.20265151515151517,
      0.2702020202020202,
      0.3377525252525253,
      0.40530303030303033,
      0.47285353535353536,
      0.5404040404040404,
      0.6079545454545455,
      0.6755050505050506,
      0.7430555555555556,
      0.0,
      0.06755050505050506,
      0.1351010101010101,
      0.20265151515151517,
      0.2702020202020202,
      0.3377525252525253,
      0.40530303030303033,
      0.47285353535353536,
      0.5404040404040404,
      0.6079545454545455,
      0.6755050505050506,
      0.7430555555555556
    ],
    "TaskName": "faces",
    "TotalReadoutTime": 0.024699802401580786,
    "UsePhilipsFloatNotDisplayScaling": 1,
    "acq_id": "mb3",
    "dataset": "ds002785",
    "modality": "bold",
    "subject_id": "0043",
    "task_id": "faces"
  },
  "dummy_trs": 0,
  "dvars_nstd": 24.109110730759898,
  "dvars_std": 1.100064413434651,
  "dvars_vstd": 1.0057942978419463,
  "efc": 0.44983425635718194,
  "fber": 151739.703125,
  "fd_mean": 0.07150763981935003,
  "fd_num": 1,
  "fd_perc": 0.30303030303030304,
  "fwhm_avg": 1.9321977290368277,
  "fwhm_x": 1.9043633333333334,
  "fwhm_y": 2.08356,
  "fwhm_z": 1.8086698537771502,
  "gcor": 0.0208301,
  "gsr_x": -0.0205499567091465,
  "gsr_y": 0.012107612565159798,
  "provenance": {
    "md5sum": "e9830a2fdb83fa630f37d3fbc679afaf",
    "settings": {
      "fd_thres": 0.2,
      "testing": false
    },
    "software": "mriqc",
    "version": "22.0.0rc1",
    "webapi_port": null,
    "webapi_url": "https://mriqc.nimh.nih.gov/api/v1"
  },
  "size_t": 330,
  "size_x": 80,
  "size_y": 80,
  "size_z": 36,
  "snr": 6.745738796682757,
  "spacing_tr": 0.75,
  "spacing_x": 3.0,
  "spacing_y": 3.0,
  "spacing_z": 3.299999713897705,
  "summary_bg_k": 29.778738766359268,
  "summary_bg_mad": 47.62118308872957,
  "summary_bg_mean": 526.8046264648438,
  "summary_bg_median": 46.12675094604492,
  "summary_bg_n": 152799.0,
  "summary_bg_p05": 4.754496669769287,
  "summary_bg_p95": 3098.8540527343753,
  "summary_bg_stdv": 1449.49951171875,
  "summary_fg_k": 1.3152495687216916,
  "summary_fg_mad": 2485.52615302921,
  "summary_fg_mean": 18299.107421875,
  "summary_fg_median": 18131.5703125,
  "summary_fg_n": 36544.0,
  "summary_fg_p05": 14331.564404296874,
  "summary_fg_p95": 22831.07373046875,
  "summary_fg_stdv": 2687.818603515625,
  "tsnr": 60.60337829589844
}