{
  "aor": 0.0007749499999999999,
  "aqi": 0.00426534825,
  "bids_meta": {
    "AcquisitionNumber": 9,
    "BidsifyVersion": "0.3.5",
    "ConversionSoftware": "dcm2niix",
    "ConversionSoftwareVersion": "v1.0.20181125  GCC6.3.0",
    "EchoTime": 0.02762,
    "EffectiveEchoSpacing": 0.0006621159151938905,
    "ImageComments": "piop",
    "ImageOrientationPatientDICOM": [
      0.996797,
      -0.0799221,
      0.00271787,
      0.0789748,
      0.978505,
      -0.190504
    ],
    "Manufacturer": "Philips",
    "NumberOfVolumesDiscardedByScanner": 2,
    "ParallelAcquisitionTechnique": "SENSE",
    "ParallelReductionFactorInPlane": 2,
    "PatientPosition": "HFS",
    "PhaseEncodingDirection": "j",
    "PhilipsRescaleIntercept": 0,
    "PhilipsRescaleSlope": 0.77338,
    "PhilipsScaleSlope": 0.0639188,
    "ProtocolName": "WIPpiopanticipatieSENSE",
    "PulseSequenceType": "gradient echo EPI",
    "ReconMatrixPE": 80,
    "RepetitionTime": 2,
    "SeriesDescription": "ImageMRSERIES",
    "SeriesNumber": 9,
    "SliceEncodingDirection": "k",
    "SliceTiming": [
      0.0,
      0.0541,
      0.1081,
      0.1622,
      0.2162,
      0.2703,
      0.3243,
      0.3784,
      0.4324,
      0.4865,
      0.5405,
      0.5946,
      0.6486,
      0.7027,
      0.7568,
      0.8108,
      0.8649,
      0.9189,
      0.973,
      1.027,
      1.0811,
      1.1351,
      1.1892,
      1.2432,
      1.2973,
      1.3514,
      1.4054,
      1.4595,
      1.5135,
      1.5676,
      1.6216,
      1.6757,
      1.7297,
      1.7838,
      1.8378,
      1.8919,
      1.9459
    ],
    "TaskName": "anticipation",
    "TotalReadoutTime": 0.025822520692561732,
    "UsePhilipsFloatNotDisplayScaling": 1,
    "acq_id": "seq",
    "dataset": "ds002785",
    "modality": "bold",
    "subject_id": "0049",
    "task_id": "anticipation"
  },
  "dummy_trs": 0,
  "dvars_nstd": 29.149531330653264,
  "dvars_std": 1.314477987889448,
  "dvars_vstd": 0.981895265929649,
  "efc": 0.4124996139810198,
  "fber": 105910.0546875,
  "fd_mean": 0.16590532791364343,
  "fd_num": 44,
  "fd_perc": 22.0,
  "fwhm_avg": 1.7818548566566872,
  "fwhm_x": 1.7455233333333335,
  "fwhm_y": 1.90342,
  "fwhm_z": 1.6966212366367286,
  "gcor": 0.0158058,
  "gsr_x": -0.0222036000341177,
  "gsr_y": 0.018845194950699806,
  "provenance": {
    "md5sum": "0e008029fcc7a5f3c1b629ddda3054bf",
    "settings": {
      "fd_thres": 0.2,
      "testing": false
    },
    "software": "mriqc",
    "version": "22.0.0rc1",
    "webapi_port": null,
    "webapi_url": "https://mriqc.nimh.nih.gov/api/v1"
  },
  "size_t": 200,
  "size_x": 80,
  "size_y": 80,
  "size_z": 37,
  "snr": 4.878452224945123,
  "spacing_tr": 2.0,
  "spacing_x": 3.0,
  "spacing_y": 3.0,
  "spacing_z": 3.299999952316284,
  "summary_bg_k": 44.623465904316,
  "summary_bg_mad": 66.13660946179533,
  "summary_bg_mean": 489.632568359375,
  "summary_bg_median": 61.54014587402344,
  "summary_bg_n": 163121.0,
  "summary_bg_p05": 3.4713830947875977,
  "summary_bg_p95": 2470.591796875,
  "summary_bg_stdv": 1349.65576171875,
  "summary_fg_k": 2.3857243038838654,
  "summary_fg_mad": 3799.659007334739,
  "summary_fg_mean": 21089.0234375,
  "summary_fg_median": 20531.544921875,
  "summary_fg_n": 32660.0,
  "summary_fg_p05": 15425.461962890626,
  "summary_fg_p95": 28154.082617187494,
  "summary_fg_stdv": 4208.55419921875,
  "tsnr": 73.57981872558594
}