{
  "aor": 0.001499142857142857,
  "aqi": 0.004843099755102041,
  "bids_meta": {
    "AcquisitionNumber": 3,
    "BidsifyVersion": "0.3.5",
    "ConversionSoftware": "dcm2niix",
    "ConversionSoftwareVersion": "v1.0.20181125  GCC6.3.0",
    "EchoTime": 0.02762,
    "EffectiveEchoSpacing": 0.0006621159151938905,
    "ImageComments": "piop",
    "ImageOrientationPatientDICOM": [
      0.996797,
      -0.0799221,
      0.00271787,
      0.0789748,
      0.978505,
      -0.190504
    ],
    "Manufacturer": "Philips",
    "NumberOfVolumesDiscardedByScanner": 2,
    "ParallelAcquisitionTechnique": "SENSE",
    "ParallelReductionFactorInPlane": 2,
    "PatientPosition": "HFS",
    "PhaseEncodingDirection": "j",
    "PhilipsRescaleIntercept": 0,
    "PhilipsRescaleSlope": 0.80049,
    "PhilipsScaleSlope": 0.0580073,
    "ProtocolName": "WIPpiopgstroopSENSE",
    "PulseSequenceType": "gradient echo EPI",
    "ReconMatrixPE": 80,
    "RepetitionTime": 2,
    "SeriesDescription": "ImageMRSERIES",
    "SeriesNumber": 3,
    "SliceEncodingDirection": "k",
    "SliceTiming": [
      0.0,
      0.0541,
      0.1081,
      0.1622,
      0.2162,
      0.2703,
      0.3243,
      0.3784,
      0.4324,
      0.4865,
      0.5405,
      0.5946,
      0.6486,
      0.7027,
      0.7568,
      0.8108,
      0.8649,
      0.9189,
      0.973,
      1.027,
      1.0811,
      1.1351,
      1.1892,
      1.2432,
      1.2973,
      1.3514,
      1.4054,
      1.4595,
      1.5135,
      1.5676,
      1.6216,
      1.6757,
      1.7297,
      1.7838,
      1.8378,
      1.8919,
      1.9459
    ],
    "TaskName": "gstroop",
    "TotalReadoutTime": 0.025822520692561732,
    "UsePhilipsFloatNotDisplayScaling": 1,
    "acq_id": "seq",
    "dataset": "ds002785",
    "modality": "bold",
    "subject_id": "0049",
    "task_id": "gstroop"
  },
  "dummy_trs": 0,
  "dvars_nstd": 26.19682624692622,
  "dvars_std": 1.3219775386065575,
  "dvars_vstd": 0.9996741152868851,
  "efc": 0.41152761989482867,
  "fber": 103540.3203125,
  "fd_mean": 0.13978170074416188,
  "fd_num": 28,
  "fd_perc": 11.428571428571429,
  "fwhm_avg": 1.7692704122403393,
  "fwhm_x": 1.7321566666666666,
  "fwhm_y": 1.8732,
  "fwhm_z": 1.7024545700543514,
  "gcor": 0.0366896,
  "gsr_x": -0.022043736651539803,
  "gsr_y": 0.018347516655921936,
  "provenance": {
    "md5sum": "8ed9f480211bbd844efe2040fc014ec2",
    "settings": {
      "fd_thres": 0.2,
      "testing": false
    },
    "software": "mriqc",
    "version": "22.0.0rc1",
    "webapi_port": null,
    "webapi_url": "https://mriqc.nimh.nih.gov/api/v1"
  },
  "size_t": 245,
  "size_x": 80,
  "size_y": 80,
  "size_z": 37,
  "snr": 4.939664824784455,
  "spacing_tr": 2.0,
  "spacing_x": 3.0,
  "spacing_y": 3.0,
  "spacing_z": 3.299999952316284,
  "summary_bg_k": 45.836487282615515,
  "summary_bg_mad": 73.41994998255825,
  "summary_bg_mean": 508.74072265625,
  "summary_bg_median": 65.55076599121094,
  "summary_bg_n": 163297.0,
  "summary_bg_p05": 3.6347789764404297,
  "summary_bg_p95": 2558.3412109375,
  "summary_bg_stdv": 1415.7451171875,
  "summary_fg_k": 2.4275703300793765,
  "summary_fg_mad": 3975.4154193529166,
  "summary_fg_mean": 22100.71875,
  "summary_fg_median": 21536.947265625,
  "summary_fg_n": 32452.0,
  "summary_fg_p05": 16306.25810546875,
  "summary_fg_p95": 29431.035253906248,
  "summary_fg_stdv": 4359.9345703125,
  "tsnr": 71.04685974121094
}