{
  "aor": 0.0008096894409937888,
  "aqi": 0.0033930544099378887,
  "bids_meta": {
    "AcquisitionNumber": 8,
    "BidsifyVersion": "0.3.5",
    "ConversionSoftware": "dcm2niix",
    "ConversionSoftwareVersion": "v1.0.20181125  GCC6.3.0",
    "EchoTime": 0.02762,
    "EffectiveEchoSpacing": 0.0006621159151938905,
    "ImageComments": "piop",
    "ImageOrientationPatientDICOM": [
      0.996797,
      -0.0799221,
      0.00271787,
      0.0789748,
      0.978505,
      -0.190504
    ],
    "Manufacturer": "Philips",
    "NumberOfVolumesDiscardedByScanner": 2,
    "ParallelAcquisitionTechnique": "SENSE",
    "ParallelReductionFactorInPlane": 2,
    "PatientPosition": "HFS",
    "PhaseEncodingDirection": "j",
    "PhilipsRescaleIntercept": 0,
    "PhilipsRescaleSlope": 0.77338,
    "PhilipsScaleSlope": 0.0626801,
    "ProtocolName": "WIPpiopwmSENSE",
    "PulseSequenceType": "gradient echo EPI",
    "ReconMatrixPE": 80,
    "RepetitionTime": 2,
    "SeriesDescription": "ImageMRSERIES",
    "SeriesNumber": 8,
    "SliceEncodingDirection": "k",
    "SliceTiming": [
      0.0,
      0.0541,
      0.1081,
      0.1622,
      0.2162,
      0.2703,
      0.3243,
      0.3784,
      0.4324,
      0.4865,
      0.5405,
      0.5946,
      0.6486,
      0.7027,
      0.7568,
      0.8108,
      0.8649,
      0.9189,
      0.973,
      1.027,
      1.0811,
      1.1351,
      1.1892,
      1.2432,
      1.2973,
      1.3514,
      1.4054,
      1.4595,
      1.5135,
      1.5676,
      1.6216,
      1.6757,
      1.7297,
      1.7838,
      1.8378,
      1.8919,
      1.9459
    ],
    "TaskName": "workingmemory",
    "TotalReadoutTime": 0.025822520692561732,
    "UsePhilipsFloatNotDisplayScaling": 1,
    "acq_id": "seq",
    "dataset": "ds002785",
    "modality": "bold",
    "subject_id": "0049",
    "task_id": "workingmemory"
  },
  "dummy_trs": 1,
  "dvars_nstd": 27.132481276812495,
  "dvars_std": 1.3436231910625005,
  "dvars_vstd": 1.0044732207499998,
  "efc": 0.41276496127170265,
  "fber": 104277.2265625,
  "fd_mean": 0.12861826976051546,
  "fd_num": 15,
  "fd_perc": 9.316770186335404,
  "fwhm_avg": 1.7842307152913097,
  "fwhm_x": 1.74613,
  "fwhm_y": 1.8998166666666665,
  "fwhm_z": 1.7067454792072625,
  "gcor": 0.0295364,
  "gsr_x": -0.022264447063207626,
  "gsr_y": 0.018350820988416672,
  "provenance": {
    "md5sum": "e900d581f12ee884da7dae21d142c74a",
    "settings": {
      "fd_thres": 0.2,
      "testing": false
    },
    "software": "mriqc",
    "version": "22.0.0rc1",
    "webapi_port": null,
    "webapi_url": "https://mriqc.nimh.nih.gov/api/v1"
  },
  "size_t": 161,
  "size_x": 80,
  "size_y": 80,
  "size_z": 37,
  "snr": 4.882085901892,
  "spacing_tr": 2.0,
  "spacing_x": 3.0,
  "spacing_y": 3.0,
  "spacing_z": 3.299999952316284,
  "summary_bg_k": 43.7557561674795,
  "summary_bg_mad": 69.04541122975975,
  "summary_bg_mean": 490.8567810058594,
  "summary_bg_median": 62.0257568359375,
  "summary_bg_n": 163081.0,
  "summary_bg_p05": 3.2780556678771973,
  "summary_bg_p95": 2478.98193359375,
  "summary_bg_stdv": 1352.0137939453125,
  "summary_fg_k": 2.3318088458674016,
  "summary_fg_mad": 3826.083785742889,
  "summary_fg_mean": 21114.03515625,
  "summary_fg_median": 20561.9296875,
  "summary_fg_n": 32687.0,
  "summary_fg_p05": 15432.4009765625,
  "summary_fg_p95": 28171.6947265625,
  "summary_fg_stdv": 4211.6455078125,
  "tsnr": 81.10462951660156
}