{
  "aor": 0.0010043703703703703,
  "aqi": 0.0032976365185185185,
  "bids_meta": {
    "AcquisitionNumber": 5,
    "BidsifyVersion": "0.3.5",
    "ConversionSoftware": "dcm2niix",
    "ConversionSoftwareVersion": "v1.0.20181125  GCC6.3.0",
    "EchoTime": 0.02762,
    "EffectiveEchoSpacing": 0.0006621159151938905,
    "ImageComments": "piop",
    "ImageOrientationPatientDICOM": [
      0.996797,
      -0.0799221,
      0.00271787,
      0.0789748,
      0.978505,
      -0.190504
    ],
    "Manufacturer": "Philips",
    "NumberOfVolumesDiscardedByScanner": 2,
    "ParallelAcquisitionTechnique": "SENSE",
    "ParallelReductionFactorInPlane": 2,
    "PatientPosition": "HFS",
    "PhaseEncodingDirection": "j",
    "PhilipsRescaleIntercept": 0,
    "PhilipsRescaleSlope": 0.77021,
    "PhilipsScaleSlope": 0.060587,
    "ProtocolName": "WIPpiopharririSENSE",
    "PulseSequenceType": "gradient echo EPI",
    "ReconMatrixPE": 80,
    "RepetitionTime": 2,
    "SeriesDescription": "ImageMRSERIES",
    "SeriesNumber": 5,
    "SliceEncodingDirection": "k",
    "SliceTiming": [
      0.0,
      0.0541,
      0.1081,
      0.1622,
      0.2162,
      0.2703,
      0.3243,
      0.3784,
      0.4324,
      0.4865,
      0.5405,
      0.5946,
      0.6486,
      0.7027,
      0.7568,
      0.8108,
      0.8649,
      0.9189,
      0.973,
      1.027,
      1.0811,
      1.1351,
      1.1892,
      1.2432,
      1.2973,
      1.3514,
      1.4054,
      1.4595,
      1.5135,
      1.5676,
      1.6216,
      1.6757,
      1.7297,
      1.7838,
      1.8378,
      1.8919,
      1.9459
    ],
    "TaskName": "emomatching",
    "TotalReadoutTime": 0.025822520692561732,
    "UsePhilipsFloatNotDisplayScaling": 1,
    "acq_id": "seq",
    "dataset": "ds002785",
    "modality": "bold",
    "subject_id": "0049",
    "task_id": "emomatching"
  },
  "dummy_trs": 0,
  "dvars_nstd": 26.73398026477611,
  "dvars_std": 1.3556047394029855,
  "dvars_vstd": 1.0019710508208954,
  "efc": 0.4113357346806496,
  "fber": 108172.390625,
  "fd_mean": 0.11989183365561261,
  "fd_num": 4,
  "fd_perc": 2.962962962962963,
  "fwhm_avg": 1.7887995031718784,
  "fwhm_x": 1.7563700000000002,
  "fwhm_y": 1.9029133333333332,
  "fwhm_z": 1.7071151761823014,
  "gcor": 0.0296184,
  "gsr_x": -0.02225121110677719,
  "gsr_y": 0.01781526207923889,
  "provenance": {
    "md5sum": "d39d45017a664e46693da8ce2b08cc5f",
    "settings": {
      "fd_thres": 0.2,
      "testing": false
    },
    "software": "mriqc",
    "version": "22.0.0rc1",
    "webapi_port": null,
    "webapi_url": "https://mriqc.nimh.nih.gov/api/v1"
  },
  "size_t": 135,
  "size_x": 80,
  "size_y": 80,
  "size_z": 37,
  "snr": 4.8495827956504804,
  "spacing_tr": 2.0,
  "spacing_x": 3.0,
  "spacing_y": 3.0,
  "spacing_z": 3.299999952316284,
  "summary_bg_k": 43.54721507979812,
  "summary_bg_mad": 68.04772972473901,
  "summary_bg_mean": 503.18218994140625,
  "summary_bg_median": 63.11406707763672,
  "summary_bg_n": 163302.0,
  "summary_bg_p05": 3.265382754802704,
  "summary_bg_p95": 2539.8711181640547,
  "summary_bg_stdv": 1392.6346435546875,
  "summary_fg_k": 2.3491557494921214,
  "summary_fg_mad": 3992.801246930861,
  "summary_fg_mean": 21882.87109375,
  "summary_fg_median": 21315.904296875,
  "summary_fg_n": 32497.0,
  "summary_fg_p05": 15963.4150390625,
  "summary_fg_p95": 29289.784765624998,
  "summary_fg_stdv": 4395.34228515625,
  "tsnr": 81.9743881225586
}