{
  "aor": 0.00026839393939393944,
  "aqi": 0.00998781196969697,
  "bids_meta": {
    "AcquisitionNumber": 2,
    "BidsifyVersion": "0.3.5",
    "ConversionSoftware": "dcm2niix",
    "ConversionSoftwareVersion": "v1.0.20181125  GCC6.3.0",
    "EchoTime": 0.02762,
    "EffectiveEchoSpacing": 0.0006333282667071997,
    "ImageComments": "piop",
    "ImageOrientationPatientDICOM": [
      0.996797,
      -0.0799221,
      0.00271787,
      0.0789748,
      0.978505,
      -0.190504
    ],
    "Manufacturer": "Philips",
    "NumberOfVolumesDiscardedByScanner": 2,
    "ParallelAcquisitionTechnique": "SENSE",
    "ParallelReductionFactorInPlane": 2,
    "PatientPosition": "HFS",
    "PhaseEncodingDirection": "j",
    "PhilipsRescaleIntercept": 0,
    "PhilipsRescaleSlope": 0.76166,
    "PhilipsScaleSlope": 0.0935924,
    "ProtocolName": "WIPpiopfacesSENSE",
    "PulseSequenceType": "gradient echo EPI",
    "ReconMatrixPE": 80,
    "RepetitionTime": 0.75,
    "SeriesDescription": "ImageMRSERIES",
    "SeriesNumber": 2,
    "SliceEncodingDirection": "k",
    "SliceTiming": [
      0.0,
      0.06755050505050506,
      0.1351010101010101,
      0.20265151515151517,
      0.2702020202020202,
      0.3377525252525253,
      0.40530303030303033,
      0.47285353535353536,
      0.5404040404040404,
      0.6079545454545455,
      0.6755050505050506,
      0.7430555555555556,
      0.0,
      0.06755050505050506,
      0.1351010101010101,
      0.20265151515151517,
      0.2702020202020202,
      0.3377525252525253,
      0.40530303030303033,
      0.47285353535353536,
      0.5404040404040404,
      0.6079545454545455,
      0.6755050505050506,
      0.7430555555555556,
      0.0,
      0.06755050505050506,
      0.1351010101010101,
      0.20265151515151517,
      0.2702020202020202,
      0.3377525252525253,
      0.40530303030303033,
      0.47285353535353536,
      0.5404040404040404,
      0.6079545454545455,
      0.6755050505050506,
      0.7430555555555556
    ],
    "TaskName": "faces",
    "TotalReadoutTime": 0.024699802401580786,
    "UsePhilipsFloatNotDisplayScaling": 1,
    "acq_id": "mb3",
    "dataset": "ds002785",
    "modality": "bold",
    "subject_id": "0049",
    "task_id": "faces"
  },
  "dummy_trs": 0,
  "dvars_nstd": 36.28689478984803,
  "dvars_std": 1.2075447792401215,
  "dvars_vstd": 0.9964047361094228,
  "efc": 0.4199776653969428,
  "fber": 126405.3984375,
  "fd_mean": 0.12402876900212789,
  "fd_num": 30,
  "fd_perc": 9.090909090909092,
  "fwhm_avg": 1.8199108164100892,
  "fwhm_x": 1.7894766666666666,
  "fwhm_y": 1.9409466666666668,
  "fwhm_z": 1.7293091158969347,
  "gcor": 0.0133273,
  "gsr_x": -0.02456105686724186,
  "gsr_y": 0.017535997554659843,
  "provenance": {
    "md5sum": "02430d46386007347b9e2a69c97244e4",
    "settings": {
      "fd_thres": 0.2,
      "testing": false
    },
    "software": "mriqc",
    "version": "22.0.0rc1",
    "webapi_port": null,
    "webapi_url": "https://mriqc.nimh.nih.gov/api/v1"
  },
  "size_t": 330,
  "size_x": 80,
  "size_y": 80,
  "size_z": 36,
  "snr": 6.180936995789724,
  "spacing_tr": 0.75,
  "spacing_x": 3.0,
  "spacing_y": 3.0,
  "spacing_z": 3.299999952316284,
  "summary_bg_k": 37.219943523292514,
  "summary_bg_mad": 56.3680004437545,
  "summary_bg_mean": 415.7829284667969,
  "summary_bg_median": 47.70664596557617,
  "summary_bg_n": 157966.0,
  "summary_bg_p05": 2.1441462635993958,
  "summary_bg_p95": 2100.2081298828125,
  "summary_bg_stdv": 1101.4659423828125,
  "summary_fg_k": 0.9060938827530256,
  "summary_fg_mad": 2653.847836148924,
  "summary_fg_mean": 17300.080078125,
  "summary_fg_median": 17141.857421875,
  "summary_fg_n": 32033.0,
  "summary_fg_p05": 13064.5474609375,
  "summary_fg_p95": 21961.1703125,
  "summary_fg_stdv": 2773.299560546875,
  "tsnr": 46.62298583984375
}