{
  "bids_meta": {
    "AcquisitionNumber": 4,
    "BidsifyVersion": "0.3.5",
    "ConversionSoftware": "dcm2niix",
    "ConversionSoftwareVersion": "v1.0.20181125  GCC6.3.0",
    "EchoTime": 0.00377,
    "ImageComments": "Piop",
    "ImageOrientationPatientDICOM": [
      0.999437,
      0.0328974,
      0.00658437,
      -0.0333294,
      0.996022,
      0.0826347
    ],
    "Manufacturer": "Philips",
    "PatientPosition": "HFS",
    "PhilipsRescaleIntercept": 0,
    "PhilipsRescaleSlope": 9.1453,
    "PhilipsScaleSlope": 0.00709183,
    "ProtocolName": "WIPt13dSENSE",
    "ReconMatrixPE": 240,
    "RepetitionTime": 0.008197,
    "SeriesDescription": "ImageMRSERIES",
    "SeriesNumber": 4,
    "UsePhilipsFloatNotDisplayScaling": 1,
    "dataset": "ds002785",
    "modality": "T1w",
    "subject_id": "0215"
  },
  "cjv": 0.2781804017169059,
  "cnr": 4.820543920800165,
  "efc": 0.751784356737573,
  "fber": -1.0,
  "fwhm_avg": 4.62211,
  "fwhm_x": 4.20976,
  "fwhm_y": 4.63491,
  "fwhm_z": 5.02166,
  "icvs_csf": 0.238599506293006,
  "icvs_gm": 0.43172741786840013,
  "icvs_wm": 0.32967307583859384,
  "inu_med": 0.640904575586319,
  "inu_range": 0.19212208688259125,
  "provenance": {
    "md5sum": "381aa8cb329a7f2b100803dcc6b9d229",
    "settings": {
      "testing": false
    },
    "software": "mriqc",
    "version": "23.0.1",
    "warnings": {
      "large_rot_frame": true,
      "small_air_mask": true
    },
    "webapi_port": null,
    "webapi_url": "https://mriqc.nimh.nih.gov/api/v1"
  },
  "qi_1": 0.0,
  "qi_2": 0.00018890466755086722,
  "rpve_csf": 28.427215161287407,
  "rpve_gm": 15.97586632083612,
  "rpve_wm": 24.35085051038353,
  "size_x": 240,
  "size_y": 240,
  "size_z": 220,
  "snr_csf": 1.7268448070509195,
  "snr_gm": 8.475183442951101,
  "snr_total": 10.153895740828558,
  "snr_wm": 20.25965897248365,
  "snrd_csf": 14.22351738692411,
  "snrd_gm": 47.5687916603799,
  "snrd_total": 47.5731225529525,
  "snrd_wm": 80.92705861155348,
  "spacing_x": 1.0,
  "spacing_y": 1.0,
  "spacing_z": 1.0,
  "summary_bg_k": 14.128489190795364,
  "summary_bg_mad": 0.0,
  "summary_bg_mean": 3.3895351713151087,
  "summary_bg_median": 0.0,
  "summary_bg_n": 126623.0,
  "summary_bg_p05": 0.0,
  "summary_bg_p95": 21.063447654247284,
  "summary_bg_stdv": 8.095220574592737,
  "summary_csf_k": -0.1939172559509048,
  "summary_csf_mad": 109.09421253722054,
  "summary_csf_mean": 186.99543776076302,
  "summary_csf_median": 175.7534928508103,
  "summary_csf_n": 26482.0,
  "summary_csf_p05": 37.84677705802024,
  "summary_csf_p95": 364.0701334945856,
  "summary_csf_stdv": 101.77531515527981,
  "summary_gm_k": -0.04700098740772951,
  "summary_gm_mad": 70.35981649309613,
  "summary_gm_mean": 587.6828039567082,
  "summary_gm_median": 587.7857816442847,
  "summary_gm_n": 33123.0,
  "summary_gm_p05": 473.5422652512789,
  "summary_gm_p95": 700.3146820239722,
  "summary_gm_stdv": 69.35270637619618,
  "summary_wm_k": 0.960339496922459,
  "summary_wm_mad": 44.30415147693378,
  "summary_wm_mean": 996.7664303351683,
  "summary_wm_median": 999.9786150082946,
  "summary_wm_n": 157723.0,
  "summary_wm_p05": 908.3611800894141,
  "summary_wm_p95": 1070.982127070427,
  "summary_wm_stdv": 49.357960383959025,
  "tpm_overlap_csf": 0.15690856258172275,
  "tpm_overlap_gm": 0.49507076977582365,
  "tpm_overlap_wm": 0.5324815125521898,
  "wm2max": 0.7699851529588476
}