{
  "bids_meta": {
    "AcquisitionNumber": 4,
    "BidsifyVersion": "0.3.5",
    "ConversionSoftware": "dcm2niix",
    "ConversionSoftwareVersion": "v1.0.20181125  GCC6.3.0",
    "EchoTime": 0.0038,
    "ImageComments": "Piop",
    "ImageOrientationPatientDICOM": [
      0.994469,
      0.104021,
      -0.0145444,
      -0.104698,
      0.992795,
      -0.0582781
    ],
    "Manufacturer": "Philips",
    "PatientPosition": "HFS",
    "PhilipsRescaleIntercept": 0,
    "PhilipsRescaleSlope": 8.22515,
    "PhilipsScaleSlope": 0.00710045,
    "ProtocolName": "WIPt13dSENSE",
    "ReconMatrixPE": 240,
    "RepetitionTime": 0.008226,
    "SeriesDescription": "ImageMRSERIES",
    "SeriesNumber": 4,
    "UsePhilipsFloatNotDisplayScaling": 1,
    "dataset": "ds002785",
    "modality": "T1w",
    "subject_id": "0203"
  },
  "cjv": 0.29492447860074256,
  "cnr": 4.331364760775175,
  "efc": 0.7271121676658959,
  "fber": -1.0,
  "fwhm_avg": 4.086259686134693,
  "fwhm_x": 3.982699525225219,
  "fwhm_y": 4.3601,
  "fwhm_z": 3.9159795331788616,
  "icvs_csf": 0.23845111970446578,
  "icvs_gm": 0.42108127704925025,
  "icvs_wm": 0.340467603246284,
  "inu_med": 0.6040443181991577,
  "inu_range": 0.17685809135437014,
  "provenance": {
    "md5sum": "32691e831fd9c061b3b5bed185cadc34",
    "settings": {
      "testing": false
    },
    "software": "mriqc",
    "version": "23.0.1",
    "warnings": {
      "large_rot_frame": true,
      "small_air_mask": true
    },
    "webapi_port": null,
    "webapi_url": "https://mriqc.nimh.nih.gov/api/v1"
  },
  "qi_1": 0.0,
  "qi_2": 7.833609589952216e-05,
  "rpve_csf": 26.127197288428288,
  "rpve_gm": 14.942028397565922,
  "rpve_wm": 22.081020488946336,
  "size_x": 240,
  "size_y": 240,
  "size_z": 220,
  "snr_csf": 1.5601400881841134,
  "snr_gm": 7.0938974771103,
  "snr_total": 10.427717230122877,
  "snr_wm": 22.629114125074217,
  "snrd_csf": 12.665552912871355,
  "snrd_gm": 46.086567675955386,
  "snrd_total": 45.60853298081338,
  "snrd_wm": 78.0734783536134,
  "spacing_x": 1.0000001192092896,
  "spacing_y": 1.0,
  "spacing_z": 1.0000001192092896,
  "summary_bg_k": 60.749433959307126,
  "summary_bg_mad": 0.0,
  "summary_bg_mean": 2.72472996090523,
  "summary_bg_median": 0.0,
  "summary_bg_n": 210552.0,
  "summary_bg_p05": 0.0,
  "summary_bg_p95": 19.16388219036162,
  "summary_bg_stdv": 8.391089154125547,
  "summary_csf_k": -0.2391543152874993,
  "summary_csf_mad": 112.36890760561586,
  "summary_csf_mean": 178.44728492476605,
  "summary_csf_median": 162.22237640619278,
  "summary_csf_n": 29298.0,
  "summary_csf_p05": 32.05346843227744,
  "summary_csf_p95": 361.29487503133714,
  "summary_csf_stdv": 103.97759093702051,
  "summary_gm_k": 0.11685930357210594,
  "summary_gm_mad": 80.88943558892564,
  "summary_gm_mean": 592.3368283032798,
  "summary_gm_median": 590.2839441932738,
  "summary_gm_n": 27376.0,
  "summary_gm_p05": 457.81900762952864,
  "summary_gm_p95": 734.2290237061679,
  "summary_gm_stdv": 83.20858384990244,
  "summary_wm_k": 0.8389472218515852,
  "summary_wm_mad": 39.939158822032034,
  "summary_wm_mean": 997.798847956995,
  "summary_wm_median": 999.9772832617164,
  "summary_wm_n": 184074.0,
  "summary_wm_p05": 920.8813716377132,
  "summary_wm_p95": 1066.1074532400817,
  "summary_wm_stdv": 44.18973546617231,
  "tpm_overlap_csf": 0.1513323259266325,
  "tpm_overlap_gm": 0.47177957560312106,
  "tpm_overlap_wm": 0.5065022246860946,
  "wm2max": 0.7527809152205908
}