{
  "aor": 0.0016288271604938272,
  "aqi": 0.0044706251851851855,
  "bids_meta": {
    "AcquisitionNumber": 8,
    "BidsifyVersion": "0.3.5",
    "ConversionSoftware": "dcm2niix",
    "ConversionSoftwareVersion": "v1.0.20181125  GCC6.3.0",
    "EchoTime": 0.02762,
    "ImageComments": "piop",
    "ImageOrientationPatientDICOM": [
      0.990461,
      0.119412,
      -0.0687634,
      -0.129869,
      0.975756,
      -0.176164
    ],
    "Manufacturer": "Philips",
    "NumberOfVolumesDiscardedByScanner": 2,
    "ParallelAcquisitionTechnique": "SENSE",
    "ParallelReductionFactorInPlane": 2,
    "PatientPosition": "HFS",
    "PhaseEncodingDirection": "j",
    "PhilipsRescaleIntercept": 0,
    "PhilipsRescaleSlope": 0.83541,
    "PhilipsScaleSlope": 0.0498236,
    "ProtocolName": "WIPpiopwmSENSE",
    "PulseSequenceType": "gradient echo EPI",
    "ReconMatrixPE": 80,
    "RepetitionTime": 2,
    "SeriesDescription": "ImageMRSERIES",
    "SeriesNumber": 8,
    "SliceEncodingDirection": "k",
    "TaskName": "workingmemory",
    "UsePhilipsFloatNotDisplayScaling": 1,
    "acq_id": "seq",
    "dataset": "ds002785",
    "modality": "bold",
    "subject_id": "0208",
    "task_id": "workingmemory"
  },
  "dummy_trs": 0,
  "dvars_nstd": 19.37148803223602,
  "dvars_std": 1.1953640740372664,
  "dvars_vstd": 1.0048426859006214,
  "efc": 0.44347478502128557,
  "fber": 117839.3515625,
  "fd_mean": 0.09356524549974708,
  "fd_num": 3,
  "fd_perc": 1.8518518518518519,
  "fwhm_avg": 1.8221931990845757,
  "fwhm_x": 1.7801600000000002,
  "fwhm_y": 1.9611833333333333,
  "fwhm_z": 1.7252362639203929,
  "gcor": 0.0177984,
  "gsr_x": -0.00457385228946805,
  "gsr_y": 0.01138562522828579,
  "provenance": {
    "md5sum": "62eeb741c2261142e7af2a659c41bd85",
    "settings": {
      "fd_thres": 0.2,
      "testing": false
    },
    "software": "mriqc",
    "version": "23.0.1",
    "webapi_port": null,
    "webapi_url": "https://mriqc.nimh.nih.gov/api/v1"
  },
  "size_t": 162,
  "size_x": 80,
  "size_y": 80,
  "size_z": 37,
  "snr": 5.405432750655075,
  "spacing_tr": 2.0,
  "spacing_x": 3.0,
  "spacing_y": 3.0,
  "spacing_z": 3.3000001907348633,
  "summary_bg_k": 39.75049811003815,
  "summary_bg_mad": 89.87193452800632,
  "summary_bg_mean": 884.9957885742188,
  "summary_bg_median": 77.25409698486328,
  "summary_bg_n": 158463.0,
  "summary_bg_p05": 4.067166471481324,
  "summary_bg_p95": 4910.940673828125,
  "summary_bg_stdv": 2536.229736328125,
  "summary_fg_k": 1.259122596215069,
  "summary_fg_mad": 4676.247569026176,
  "summary_fg_mean": 27518.2109375,
  "summary_fg_median": 27000.0,
  "summary_fg_n": 36470.0,
  "summary_fg_p05": 20179.6021484375,
  "summary_fg_p95": 35857.507031249996,
  "summary_fg_stdv": 4994.90625,
  "tsnr": 77.63859558105469
}