{
  "aor": 0.0003158280922431866,
  "aqi": 0.0098468449475891,
  "bids_meta": {
    "AcquisitionNumber": 6,
    "BidsifyVersion": "0.3.5",
    "ConversionSoftware": "dcm2niix",
    "ConversionSoftwareVersion": "v1.0.20181125  GCC6.3.0",
    "EchoTime": 0.02762,
    "EffectiveEchoSpacing": 0.0006333282667071997,
    "ImageComments": "Piop",
    "ImageOrientationPatientDICOM": [
      0.999386,
      0.0349887,
      -0.00159892,
      -0.0348993,
      0.998623,
      0.0391651
    ],
    "Manufacturer": "Philips",
    "NumberOfVolumesDiscardedByScanner": 2,
    "ParallelAcquisitionTechnique": "SENSE",
    "ParallelReductionFactorInPlane": 2,
    "PatientPosition": "HFS",
    "PhaseEncodingDirection": "j",
    "PhilipsRescaleIntercept": 0,
    "PhilipsRescaleSlope": 0.89206,
    "PhilipsScaleSlope": 0.0765386,
    "ProtocolName": "WIPpioprsSENSE",
    "PulseSequenceType": "gradient echo EPI",
    "ReconMatrixPE": 80,
    "RepetitionTime": 0.75,
    "SeriesDescription": "ImageMRSERIES",
    "SeriesNumber": 6,
    "SliceEncodingDirection": "k",
    "SliceTiming": [
      0.0,
      0.06755050505050506,
      0.1351010101010101,
      0.20265151515151517,
      0.2702020202020202,
      0.3377525252525253,
      0.40530303030303033,
      0.47285353535353536,
      0.5404040404040404,
      0.6079545454545455,
      0.6755050505050506,
      0.7430555555555556,
      0.0,
      0.06755050505050506,
      0.1351010101010101,
      0.20265151515151517,
      0.2702020202020202,
      0.3377525252525253,
      0.40530303030303033,
      0.47285353535353536,
      0.5404040404040404,
      0.6079545454545455,
      0.6755050505050506,
      0.7430555555555556,
      0.0,
      0.06755050505050506,
      0.1351010101010101,
      0.20265151515151517,
      0.2702020202020202,
      0.3377525252525253,
      0.40530303030303033,
      0.47285353535353536,
      0.5404040404040404,
      0.6079545454545455,
      0.6755050505050506,
      0.7430555555555556
    ],
    "TaskName": "restingstate",
    "TotalReadoutTime": 0.024699802401580786,
    "UsePhilipsFloatNotDisplayScaling": 1,
    "acq_id": "mb3",
    "dataset": "ds002785",
    "modality": "bold",
    "subject_id": "0193",
    "task_id": "restingstate"
  },
  "dummy_trs": 3,
  "dvars_nstd": 25.38126280707985,
  "dvars_std": 1.1060935232563025,
  "dvars_vstd": 0.9988826294957993,
  "efc": 0.46448009545683333,
  "fber": 137299.4375,
  "fd_mean": 0.09394590239442828,
  "fd_num": 6,
  "fd_perc": 1.2578616352201257,
  "fwhm_avg": 1.8388412203240811,
  "fwhm_x": 1.8334033333333333,
  "fwhm_y": 1.9800566666666668,
  "fwhm_z": 1.7030636609722436,
  "gcor": 0.0179266,
  "gsr_x": -0.006357212085276842,
  "gsr_y": 0.010745111852884293,
  "provenance": {
    "md5sum": "25d4fc5e01d05bf9841967429ba6bb67",
    "settings": {
      "fd_thres": 0.2,
      "testing": false
    },
    "software": "mriqc",
    "version": "22.0.0rc1",
    "webapi_port": null,
    "webapi_url": "https://mriqc.nimh.nih.gov/api/v1"
  },
  "size_t": 477,
  "size_x": 80,
  "size_y": 80,
  "size_z": 36,
  "snr": 6.900160522433755,
  "spacing_tr": 0.75,
  "spacing_x": 3.0,
  "spacing_y": 3.0,
  "spacing_z": 3.299999952316284,
  "summary_bg_k": 22.688427645543406,
  "summary_bg_mad": 57.90638815537651,
  "summary_bg_mean": 707.3120727539062,
  "summary_bg_median": 52.431175231933594,
  "summary_bg_n": 151162.0,
  "summary_bg_p05": 4.954911899566651,
  "summary_bg_p95": 4298.362158203121,
  "summary_bg_stdv": 1746.6048583984375,
  "summary_fg_k": 1.3814667497215884,
  "summary_fg_mad": 2694.568722277313,
  "summary_fg_mean": 19864.3125,
  "summary_fg_median": 19902.44921875,
  "summary_fg_n": 37985.0,
  "summary_fg_p05": 15228.2490234375,
  "summary_fg_p95": 24462.249999999996,
  "summary_fg_stdv": 2884.307861328125,
  "tsnr": 54.1328125
}