{
  "aor": 0.0003207878787878788,
  "aqi": 0.007490993909090909,
  "bids_meta": {
    "AcquisitionNumber": 2,
    "BidsifyVersion": "0.3.5",
    "ConversionSoftware": "dcm2niix",
    "ConversionSoftwareVersion": "v1.0.20181125  GCC6.3.0",
    "EchoTime": 0.02762,
    "EffectiveEchoSpacing": 0.0006333282667071997,
    "ImageComments": "Piop",
    "ImageOrientationPatientDICOM": [
      0.999386,
      0.0349887,
      -0.00159892,
      -0.0348993,
      0.998623,
      0.0391651
    ],
    "Manufacturer": "Philips",
    "NumberOfVolumesDiscardedByScanner": 2,
    "ParallelAcquisitionTechnique": "SENSE",
    "ParallelReductionFactorInPlane": 2,
    "PatientPosition": "HFS",
    "PhaseEncodingDirection": "j",
    "PhilipsRescaleIntercept": 0,
    "PhilipsRescaleSlope": 0.87424,
    "PhilipsScaleSlope": 0.0765277,
    "ProtocolName": "WIPpiopfacesSENSE",
    "PulseSequenceType": "gradient echo EPI",
    "ReconMatrixPE": 80,
    "RepetitionTime": 0.75,
    "SeriesDescription": "ImageMRSERIES",
    "SeriesNumber": 2,
    "SliceEncodingDirection": "k",
    "SliceTiming": [
      0.0,
      0.06755050505050506,
      0.1351010101010101,
      0.20265151515151517,
      0.2702020202020202,
      0.3377525252525253,
      0.40530303030303033,
      0.47285353535353536,
      0.5404040404040404,
      0.6079545454545455,
      0.6755050505050506,
      0.7430555555555556,
      0.0,
      0.06755050505050506,
      0.1351010101010101,
      0.20265151515151517,
      0.2702020202020202,
      0.3377525252525253,
      0.40530303030303033,
      0.47285353535353536,
      0.5404040404040404,
      0.6079545454545455,
      0.6755050505050506,
      0.7430555555555556,
      0.0,
      0.06755050505050506,
      0.1351010101010101,
      0.20265151515151517,
      0.2702020202020202,
      0.3377525252525253,
      0.40530303030303033,
      0.47285353535353536,
      0.5404040404040404,
      0.6079545454545455,
      0.6755050505050506,
      0.7430555555555556
    ],
    "TaskName": "faces",
    "TotalReadoutTime": 0.024699802401580786,
    "UsePhilipsFloatNotDisplayScaling": 1,
    "acq_id": "mb3",
    "dataset": "ds002785",
    "modality": "bold",
    "subject_id": "0193",
    "task_id": "faces"
  },
  "dummy_trs": 0,
  "dvars_nstd": 20.613085633890584,
  "dvars_std": 1.076675781610943,
  "dvars_vstd": 1.0036568848024314,
  "efc": 0.46318031003619864,
  "fber": 142714.0,
  "fd_mean": 0.09295582846769987,
  "fd_num": 2,
  "fd_perc": 0.6060606060606061,
  "fwhm_avg": 1.9721058087291354,
  "fwhm_x": 2.0095266666666665,
  "fwhm_y": 2.13673,
  "fwhm_z": 1.770060759520741,
  "gcor": 0.0305321,
  "gsr_x": -0.00645999051630497,
  "gsr_y": 0.010614083148539066,
  "provenance": {
    "md5sum": "499a4d049489c3fdb41f60c59f06c932",
    "settings": {
      "fd_thres": 0.2,
      "testing": false
    },
    "software": "mriqc",
    "version": "22.0.0rc1",
    "webapi_port": null,
    "webapi_url": "https://mriqc.nimh.nih.gov/api/v1"
  },
  "size_t": 330,
  "size_x": 80,
  "size_y": 80,
  "size_z": 36,
  "snr": 7.315830322351247,
  "spacing_tr": 0.75,
  "spacing_x": 3.0,
  "spacing_y": 3.0,
  "spacing_z": 3.299999713897705,
  "summary_bg_k": 22.450695441172602,
  "summary_bg_mad": 57.19654110281857,
  "summary_bg_mean": 684.3132934570312,
  "summary_bg_median": 53.038455963134766,
  "summary_bg_n": 151309.0,
  "summary_bg_p05": 6.19006233215332,
  "summary_bg_p95": 4035.20283203125,
  "summary_bg_stdv": 1663.631591796875,
  "summary_fg_k": 1.2269077222277902,
  "summary_fg_mad": 2618.840180835207,
  "summary_fg_mean": 20371.7890625,
  "summary_fg_median": 20365.953125,
  "summary_fg_n": 37807.0,
  "summary_fg_p05": 15916.790234375,
  "summary_fg_p95": 24834.734375,
  "summary_fg_stdv": 2783.782958984375,
  "tsnr": 64.80037689208984
}