{
  "aor": 0.0033528934010152284,
  "aqi": 0.004555054111675127,
  "bids_meta": {
    "AcquisitionNumber": 9,
    "BidsifyVersion": "0.3.5",
    "ConversionSoftware": "dcm2niix",
    "ConversionSoftwareVersion": "v1.0.20181125  GCC6.3.0",
    "EchoTime": 0.02762,
    "EffectiveEchoSpacing": 0.0006621159151938905,
    "ImageComments": "Piop",
    "ImageOrientationPatientDICOM": [
      0.999386,
      0.0349887,
      -0.00159892,
      -0.0348993,
      0.998623,
      0.0391651
    ],
    "Manufacturer": "Philips",
    "NumberOfVolumesDiscardedByScanner": 2,
    "ParallelAcquisitionTechnique": "SENSE",
    "ParallelReductionFactorInPlane": 2,
    "PatientPosition": "HFS",
    "PhaseEncodingDirection": "j",
    "PhilipsRescaleIntercept": 0,
    "PhilipsRescaleSlope": 0.89402,
    "PhilipsScaleSlope": 0.0513064,
    "ProtocolName": "WIPpiopanticipatieSENSE",
    "PulseSequenceType": "gradient echo EPI",
    "ReconMatrixPE": 80,
    "RepetitionTime": 2,
    "SeriesDescription": "ImageMRSERIES",
    "SeriesNumber": 9,
    "SliceEncodingDirection": "k",
    "SliceTiming": [
      0.0,
      0.0541,
      0.1081,
      0.1622,
      0.2162,
      0.2703,
      0.3243,
      0.3784,
      0.4324,
      0.4865,
      0.5405,
      0.5946,
      0.6486,
      0.7027,
      0.7568,
      0.8108,
      0.8649,
      0.9189,
      0.973,
      1.027,
      1.0811,
      1.1351,
      1.1892,
      1.2432,
      1.2973,
      1.3514,
      1.4054,
      1.4595,
      1.5135,
      1.5676,
      1.6216,
      1.6757,
      1.7297,
      1.7838,
      1.8378,
      1.8919,
      1.9459
    ],
    "TaskName": "anticipation",
    "TotalReadoutTime": 0.025822520692561732,
    "UsePhilipsFloatNotDisplayScaling": 1,
    "acq_id": "seq",
    "dataset": "ds002785",
    "modality": "bold",
    "subject_id": "0193",
    "task_id": "anticipation"
  },
  "dummy_trs": 3,
  "dvars_nstd": 21.38022849979593,
  "dvars_std": 1.23119590372449,
  "dvars_vstd": 1.0124590917857144,
  "efc": 0.4581307530776855,
  "fber": 152650.234375,
  "fd_mean": 0.13739576980894772,
  "fd_num": 20,
  "fd_perc": 10.152284263959391,
  "fwhm_avg": 1.7482270786213856,
  "fwhm_x": 1.7289766666666668,
  "fwhm_y": 1.8725500000000002,
  "fwhm_z": 1.6431545691974896,
  "gcor": 0.0353968,
  "gsr_x": -0.004189793020486832,
  "gsr_y": 0.01120411604642868,
  "provenance": {
    "md5sum": "889f22af5c795bd0293884fefa6aa34a",
    "settings": {
      "fd_thres": 0.2,
      "testing": false
    },
    "software": "mriqc",
    "version": "22.0.0rc1",
    "webapi_port": null,
    "webapi_url": "https://mriqc.nimh.nih.gov/api/v1"
  },
  "size_t": 197,
  "size_x": 80,
  "size_y": 80,
  "size_z": 37,
  "snr": 5.913624296299957,
  "spacing_tr": 2.0,
  "spacing_x": 3.0,
  "spacing_y": 3.0,
  "spacing_z": 3.299999952316284,
  "summary_bg_k": 27.9285088591236,
  "summary_bg_mad": 69.48275778853761,
  "summary_bg_mean": 917.8920288085938,
  "summary_bg_median": 65.91716003417969,
  "summary_bg_n": 156078.0,
  "summary_bg_p05": 7.432725191116333,
  "summary_bg_p95": 5766.929931640622,
  "summary_bg_stdv": 2357.93408203125,
  "summary_fg_k": 1.4202518978276153,
  "summary_fg_mad": 4256.65811050553,
  "summary_fg_mean": 26770.453125,
  "summary_fg_median": 26438.00390625,
  "summary_fg_n": 38780.0,
  "summary_fg_p05": 20151.938671875,
  "summary_fg_p95": 34130.1626953125,
  "summary_fg_stdv": 4470.63623046875,
  "tsnr": 79.63858032226562
}