{
  "bids_meta": {
    "AcquisitionNumber": 4,
    "BidsifyVersion": "0.3.5",
    "ConversionSoftware": "dcm2niix",
    "ConversionSoftwareVersion": "v1.0.20181125  GCC6.3.0",
    "EchoTime": 0.00373,
    "ImageComments": "PIOP",
    "ImageOrientationPatientDICOM": [
      0.999577,
      -0.00914899,
      0.0276052,
      0.0092466,
      0.999951,
      -0.00340998
    ],
    "Manufacturer": "Philips",
    "PatientPosition": "HFS",
    "PhilipsRescaleIntercept": 0,
    "PhilipsRescaleSlope": 9.37118,
    "PhilipsScaleSlope": 0.00712047,
    "ProtocolName": "WIPt13dSENSE",
    "ReconMatrixPE": 240,
    "RepetitionTime": 0.008159,
    "SeriesDescription": "ImageMRSERIES",
    "SeriesNumber": 4,
    "UsePhilipsFloatNotDisplayScaling": 1,
    "dataset": "ds002785",
    "modality": "T1w",
    "subject_id": "0098"
  },
  "cjv": 0.2918714929481653,
  "cnr": 4.300270263962441,
  "efc": 0.7737433979137169,
  "fber": 1445.09521484375,
  "fwhm_avg": 3.4739865293959937,
  "fwhm_x": 3.4545295881879823,
  "fwhm_y": 3.70896,
  "fwhm_z": 3.25847,
  "icvs_csf": 0.177496946260888,
  "icvs_gm": 0.4584693450285994,
  "icvs_wm": 0.3640337087105126,
  "inu_med": 1.921637773513794,
  "inu_range": 0.5900040328502654,
  "provenance": {
    "md5sum": "4a46de106057d136cec4967ba23a84a8",
    "settings": {
      "testing": false
    },
    "software": "mriqc",
    "version": "22.0.0rc1",
    "warnings": {
      "large_rot_frame": true,
      "small_air_mask": true
    },
    "webapi_port": null,
    "webapi_url": "https://mriqc.nimh.nih.gov/api/v1"
  },
  "qi_1": 0.0,
  "qi_2": 0.0001777308014605943,
  "rpve_csf": 27.139022747292607,
  "rpve_gm": 12.061983443129595,
  "rpve_wm": 17.96889496160057,
  "size_x": 240,
  "size_y": 240,
  "size_z": 220,
  "snr_csf": 1.591639428724951,
  "snr_gm": 7.302535450840271,
  "snr_total": 9.314004476253388,
  "snr_wm": 19.047838549194942,
  "snrd_csf": 14.30539879112063,
  "snrd_gm": 41.78438111292343,
  "snrd_total": 42.48172653299843,
  "snrd_wm": 71.35539969495123,
  "spacing_x": 1.0000001192092896,
  "spacing_y": 1.0,
  "spacing_z": 1.0,
  "summary_bg_k": 21.11961205955968,
  "summary_bg_mad": 9.181147669693994,
  "summary_bg_mean": 12.371506690979004,
  "summary_bg_median": 12.361923217773438,
  "summary_bg_n": 175356.0,
  "summary_bg_p05": 0.0,
  "summary_bg_p95": 31.26312780380249,
  "summary_bg_stdv": 10.05327033996582,
  "summary_csf_k": 106.87910886913546,
  "summary_csf_mad": 106.050467011745,
  "summary_csf_mean": 223.8055419921875,
  "summary_csf_median": 200.47731018066406,
  "summary_csf_n": 10415.0,
  "summary_csf_p05": 78.72236099243165,
  "summary_csf_p95": 412.0628814697265,
  "summary_csf_stdv": 125.950439453125,
  "summary_gm_k": 0.5336923975967287,
  "summary_gm_mad": 75.38354504574093,
  "summary_gm_mean": 588.9428100585938,
  "summary_gm_median": 585.570556640625,
  "summary_gm_n": 28408.0,
  "summary_gm_p05": 463.3715850830078,
  "summary_gm_p95": 727.6921203613281,
  "summary_gm_stdv": 80.18588256835938,
  "summary_wm_k": 1.4783612355807652,
  "summary_wm_mad": 45.5712866114282,
  "summary_wm_mean": 995.9288940429688,
  "summary_wm_median": 999.9818115234375,
  "summary_wm_n": 214449.0,
  "summary_wm_p05": 902.962646484375,
  "summary_wm_p95": 1073.30498046875,
  "summary_wm_stdv": 52.49831771850586,
  "tpm_overlap_csf": 0.1626598834991455,
  "tpm_overlap_gm": 0.44011956453323364,
  "tpm_overlap_wm": 0.4844532310962677,
  "wm2max": 0.7101276522783767
}