{
  "aor": 0.007163716075156577,
  "aqi": 0.022413816179540712,
  "bids_meta": {
    "AcquisitionNumber": 6,
    "BidsifyVersion": "0.3.5",
    "ConversionSoftware": "dcm2niix",
    "ConversionSoftwareVersion": "v1.0.20181125  GCC6.3.0",
    "EchoTime": 0.02762,
    "ImageComments": "Piop",
    "ImageOrientationPatientDICOM": [
      0.999716,
      -0.0205707,
      0.0120339,
      0.0230359,
      0.963506,
      -0.266696
    ],
    "Manufacturer": "Philips",
    "NumberOfVolumesDiscardedByScanner": 2,
    "ParallelAcquisitionTechnique": "SENSE",
    "ParallelReductionFactorInPlane": 2,
    "PatientPosition": "HFS",
    "PhaseEncodingDirection": "j",
    "PhilipsRescaleIntercept": 0,
    "PhilipsRescaleSlope": 0.76239,
    "PhilipsScaleSlope": 0.101238,
    "ProtocolName": "WIPpioprsSENSE",
    "PulseSequenceType": "gradient echo EPI",
    "ReconMatrixPE": 80,
    "RepetitionTime": 0.75,
    "SeriesDescription": "ImageMRSERIES",
    "SeriesNumber": 6,
    "SliceEncodingDirection": "k",
    "TaskName": "restingstate",
    "UsePhilipsFloatNotDisplayScaling": 1,
    "acq_id": "mb3",
    "dataset": "ds002785",
    "modality": "bold",
    "subject_id": "0210",
    "task_id": "restingstate"
  },
  "dummy_trs": 1,
  "dvars_nstd": 31.21081493479077,
  "dvars_std": 1.053815122635983,
  "dvars_vstd": 0.9975220981799167,
  "efc": 0.4271633524206595,
  "fber": 151157.640625,
  "fd_mean": 0.14945612960108923,
  "fd_num": 96,
  "fd_perc": 20.041753653444676,
  "fwhm_avg": 1.8665167762227348,
  "fwhm_x": 1.82941,
  "fwhm_y": 1.9958433333333332,
  "fwhm_z": 1.7742969953348708,
  "gcor": 0.0127412,
  "gsr_x": -0.022327959537506104,
  "gsr_y": 0.02022309973835945,
  "provenance": {
    "md5sum": "59db716ee3548ee29ad2e2e9f87da50a",
    "settings": {
      "fd_thres": 0.2,
      "testing": false
    },
    "software": "mriqc",
    "version": "23.0.1",
    "webapi_port": null,
    "webapi_url": "https://mriqc.nimh.nih.gov/api/v1"
  },
  "size_t": 479,
  "size_x": 80,
  "size_y": 80,
  "size_z": 36,
  "snr": 5.874943199690511,
  "spacing_tr": 0.75,
  "spacing_x": 3.0,
  "spacing_y": 3.0,
  "spacing_z": 3.299999952316284,
  "summary_bg_k": 41.636512628894124,
  "summary_bg_mad": 46.621652176797184,
  "summary_bg_mean": 388.7069091796875,
  "summary_bg_median": 38.73069763183594,
  "summary_bg_n": 156595.0,
  "summary_bg_p05": 2.2337502241134644,
  "summary_bg_p95": 1998.8899658203093,
  "summary_bg_stdv": 1022.267822265625,
  "summary_fg_k": 0.6118793895361314,
  "summary_fg_mad": 2542.1879087139923,
  "summary_fg_mean": 15466.1865234375,
  "summary_fg_median": 15331.58984375,
  "summary_fg_n": 33341.0,
  "summary_fg_p05": 11536.1845703125,
  "summary_fg_p95": 19966.17578125,
  "summary_fg_stdv": 2609.618408203125,
  "tsnr": 34.46636962890625
}