{
  "aor": 0.006840987654320989,
  "aqi": 0.007527013580246913,
  "bids_meta": {
    "AcquisitionNumber": 8,
    "BidsifyVersion": "0.3.5",
    "ConversionSoftware": "dcm2niix",
    "ConversionSoftwareVersion": "v1.0.20181125  GCC6.3.0",
    "EchoTime": 0.02762,
    "ImageComments": "Piop",
    "ImageOrientationPatientDICOM": [
      0.999669,
      -0.0227227,
      0.0120899,
      0.0256535,
      0.91782,
      -0.396167
    ],
    "Manufacturer": "Philips",
    "NumberOfVolumesDiscardedByScanner": 2,
    "ParallelAcquisitionTechnique": "SENSE",
    "ParallelReductionFactorInPlane": 2,
    "PatientPosition": "HFS",
    "PhaseEncodingDirection": "j",
    "PhilipsRescaleIntercept": 0,
    "PhilipsRescaleSlope": 0.79634,
    "PhilipsScaleSlope": 0.0682059,
    "ProtocolName": "WIPpiopwmSENSE",
    "PulseSequenceType": "gradient echo EPI",
    "ReconMatrixPE": 80,
    "RepetitionTime": 2,
    "SeriesDescription": "ImageMRSERIES",
    "SeriesNumber": 8,
    "SliceEncodingDirection": "k",
    "TaskName": "workingmemory",
    "UsePhilipsFloatNotDisplayScaling": 1,
    "acq_id": "seq",
    "dataset": "ds002785",
    "modality": "bold",
    "subject_id": "0210",
    "task_id": "workingmemory"
  },
  "dummy_trs": 0,
  "dvars_nstd": 23.72856474192547,
  "dvars_std": 1.1652710701863356,
  "dvars_vstd": 1.0333884311801242,
  "efc": 0.4223752766066461,
  "fber": 146479.515625,
  "fd_mean": 0.1756807008929795,
  "fd_num": 31,
  "fd_perc": 19.135802469135804,
  "fwhm_avg": 1.7178471798376196,
  "fwhm_x": 1.6885466666666666,
  "fwhm_y": 1.7790433333333333,
  "fwhm_z": 1.685951539512859,
  "gcor": 0.0452702,
  "gsr_x": -0.020532207563519478,
  "gsr_y": 0.020079629495739937,
  "provenance": {
    "md5sum": "2cbae0091866fab1ba855ee247e84aef",
    "settings": {
      "fd_thres": 0.2,
      "testing": false
    },
    "software": "mriqc",
    "version": "23.0.1",
    "webapi_port": null,
    "webapi_url": "https://mriqc.nimh.nih.gov/api/v1"
  },
  "size_t": 162,
  "size_x": 80,
  "size_y": 80,
  "size_z": 37,
  "snr": 5.035599900793761,
  "spacing_tr": 2.0,
  "spacing_x": 3.0,
  "spacing_y": 3.0,
  "spacing_z": 3.299999952316284,
  "summary_bg_k": 28.15273306156617,
  "summary_bg_mad": 55.24750941210542,
  "summary_bg_mean": 496.36590576171875,
  "summary_bg_median": 51.374149322509766,
  "summary_bg_n": 161047.0,
  "summary_bg_p05": 5.6583874225616455,
  "summary_bg_p95": 2600.4205078124987,
  "summary_bg_stdv": 1329.8304443359375,
  "summary_fg_k": 1.453967238358211,
  "summary_fg_mad": 3711.7250589570835,
  "summary_fg_mean": 20842.1171875,
  "summary_fg_median": 20272.76953125,
  "summary_fg_n": 34210.0,
  "summary_fg_p05": 15412.16865234375,
  "summary_fg_p95": 27832.836230468747,
  "summary_fg_stdv": 4025.830810546875,
  "tsnr": 56.53347396850586
}