{
  "bids_meta": {
    "AcquisitionNumber": 4,
    "BidsifyVersion": "0.3.5",
    "ConversionSoftware": "dcm2niix",
    "ConversionSoftwareVersion": "v1.0.20181125  GCC6.3.0",
    "EchoTime": 0.00375,
    "ImageComments": "Piop",
    "ImageOrientationPatientDICOM": [
      0.999204,
      0.0310463,
      0.0250556,
      -0.0324487,
      0.997809,
      0.0576524
    ],
    "Manufacturer": "Philips",
    "PatientPosition": "HFS",
    "PhilipsRescaleIntercept": 0,
    "PhilipsRescaleSlope": 9.05568,
    "PhilipsScaleSlope": 0.00725284,
    "ProtocolName": "WIPt13dSENSE",
    "ReconMatrixPE": 240,
    "RepetitionTime": 0.008173,
    "SeriesDescription": "ImageMRSERIES",
    "SeriesNumber": 4,
    "UsePhilipsFloatNotDisplayScaling": 1,
    "dataset": "ds002785",
    "modality": "T1w",
    "subject_id": "0198"
  },
  "cjv": 0.31477894788272065,
  "cnr": 4.125946869291828,
  "efc": 0.7670340397500849,
  "fber": 1501.8526611328125,
  "fwhm_avg": 3.5733897249257893,
  "fwhm_x": 3.455469588075925,
  "fwhm_y": 3.7977,
  "fwhm_z": 3.4669995867014425,
  "icvs_csf": 0.2115802617832569,
  "icvs_gm": 0.45114185178841837,
  "icvs_wm": 0.33727788642832474,
  "inu_med": 1.5629810094833374,
  "inu_range": 0.3640999436378478,
  "provenance": {
    "md5sum": "d165d10d9d3e6ec53804726b975809be",
    "settings": {
      "testing": false
    },
    "software": "mriqc",
    "version": "22.0.0rc1",
    "warnings": {
      "large_rot_frame": true,
      "small_air_mask": true
    },
    "webapi_port": null,
    "webapi_url": "https://mriqc.nimh.nih.gov/api/v1"
  },
  "qi_1": 0.0,
  "qi_2": 0.00010624891896986184,
  "rpve_csf": 26.70585810246526,
  "rpve_gm": 13.685432959577875,
  "rpve_wm": 21.76224458939911,
  "size_x": 240,
  "size_y": 240,
  "size_z": 220,
  "snr_csf": 1.9328866102403675,
  "snr_gm": 8.27173058343845,
  "snr_total": 9.79713606093955,
  "snr_wm": 19.186790989139837,
  "snrd_csf": 22.637836877155973,
  "snrd_gm": 44.413139634612286,
  "snrd_total": 46.21536155626254,
  "snrd_wm": 71.59510815701937,
  "spacing_x": 1.0000001192092896,
  "spacing_y": 1.0,
  "spacing_z": 1.0000001192092896,
  "summary_bg_k": 13.78041482895209,
  "summary_bg_mad": 9.150555043550298,
  "summary_bg_mean": 13.173913955688477,
  "summary_bg_median": 12.328676223754883,
  "summary_bg_n": 125274.0,
  "summary_bg_p05": 0.0,
  "summary_bg_p95": 31.396641445159897,
  "summary_bg_stdv": 11.269436836242676,
  "summary_csf_k": 102.69078705250408,
  "summary_csf_mad": 114.31388856563538,
  "summary_csf_mean": 311.89068603515625,
  "summary_csf_median": 316.19183349609375,
  "summary_csf_n": 4593.0,
  "summary_csf_p05": 94.97008361816407,
  "summary_csf_p95": 478.7799743652343,
  "summary_csf_stdv": 163.56748962402344,
  "summary_gm_k": 0.09958950742428962,
  "summary_gm_mad": 74.06129262772312,
  "summary_gm_mean": 622.706787109375,
  "summary_gm_median": 620.3363037109375,
  "summary_gm_n": 20576.0,
  "summary_gm_p05": 502.00232696533203,
  "summary_gm_p95": 749.0448608398438,
  "summary_gm_stdv": 74.992919921875,
  "summary_wm_k": 1.2510325187697893,
  "summary_wm_mad": 45.44817379903337,
  "summary_wm_mean": 996.3329467773438,
  "summary_wm_median": 999.9978637695312,
  "summary_wm_n": 167898.0,
  "summary_wm_p05": 903.5466461181641,
  "summary_wm_p95": 1074.4755004882813,
  "summary_wm_stdv": 52.11892318725586,
  "tpm_overlap_csf": 0.15032535791397095,
  "tpm_overlap_gm": 0.44812676310539246,
  "tpm_overlap_wm": 0.48556825518608093,
  "wm2max": 0.6809964823517898
}