{
  "bids_meta": {
    "AcquisitionNumber": 4,
    "BidsifyVersion": "0.3.5",
    "ConversionSoftware": "dcm2niix",
    "ConversionSoftwareVersion": "v1.0.20181125  GCC6.3.0",
    "EchoTime": 0.00374,
    "ImageComments": "piop",
    "ImageOrientationPatientDICOM": [
      0.999662,
      -0.00105674,
      -0.0259956,
      -0.000872369,
      0.997252,
      -0.0740858
    ],
    "Manufacturer": "Philips",
    "PatientPosition": "HFS",
    "PhilipsRescaleIntercept": 0,
    "PhilipsRescaleSlope": 9.51648,
    "PhilipsScaleSlope": 0.00727146,
    "ProtocolName": "WIPt13dSENSE",
    "ReconMatrixPE": 240,
    "RepetitionTime": 0.008175,
    "SeriesDescription": "ImageMRSERIES",
    "SeriesNumber": 4,
    "UsePhilipsFloatNotDisplayScaling": 1,
    "dataset": "ds002785",
    "modality": "T1w",
    "subject_id": "0157"
  },
  "cjv": 0.33218549659058955,
  "cnr": 3.8551360528231875,
  "efc": 0.7594946717198032,
  "fber": 739.443603515625,
  "fwhm_avg": 3.256323403661454,
  "fwhm_x": 3.14445,
  "fwhm_y": 3.539730210984362,
  "fwhm_z": 3.08479,
  "icvs_csf": 0.19393530360581054,
  "icvs_gm": 0.44039689807082755,
  "icvs_wm": 0.3656677983233619,
  "inu_med": 1.9721754789352417,
  "inu_range": 0.2937791585922238,
  "provenance": {
    "md5sum": "59e45963bee2f298d4fcb09b2e56170d",
    "settings": {
      "testing": false
    },
    "software": "mriqc",
    "version": "22.0.0rc1",
    "warnings": {
      "large_rot_frame": true,
      "small_air_mask": true
    },
    "webapi_port": null,
    "webapi_url": "https://mriqc.nimh.nih.gov/api/v1"
  },
  "qi_1": 0.0,
  "qi_2": 0.0002978164825474252,
  "rpve_csf": 29.487185081440714,
  "rpve_gm": 14.447476136547484,
  "rpve_wm": 21.53334290186108,
  "size_x": 240,
  "size_y": 240,
  "size_z": 220,
  "snr_csf": 2.150774017100987,
  "snr_gm": 6.953464115925907,
  "snr_total": 9.086830655097987,
  "snr_wm": 18.15625383226707,
  "snrd_csf": 25.26374673979674,
  "snrd_gm": 46.86761851575687,
  "snrd_total": 49.97499821362561,
  "snrd_wm": 77.79362938532323,
  "spacing_x": 1.0,
  "spacing_y": 0.9999999403953552,
  "spacing_z": 1.0,
  "summary_bg_k": 22.21717469761653,
  "summary_bg_mad": 8.421282148821602,
  "summary_bg_mean": 11.738337516784668,
  "summary_bg_median": 11.32839584350586,
  "summary_bg_n": 91018.0,
  "summary_bg_p05": 0.0,
  "summary_bg_p95": 28.841572380065912,
  "summary_bg_stdv": 9.673820495605469,
  "summary_csf_k": 19.313902701540993,
  "summary_csf_mad": 120.28664716123131,
  "summary_csf_mean": 310.6696472167969,
  "summary_csf_median": 324.746337890625,
  "summary_csf_n": 2278.0,
  "summary_csf_p05": 87.6354591369629,
  "summary_csf_p95": 483.028044128418,
  "summary_csf_stdv": 150.95730590820312,
  "summary_gm_k": 0.30450890646313944,
  "summary_gm_mad": 83.3240725953477,
  "summary_gm_mean": 605.3400268554688,
  "summary_gm_median": 602.44775390625,
  "summary_gm_n": 24907.0,
  "summary_gm_p05": 468.819482421875,
  "summary_gm_p95": 753.2875183105468,
  "summary_gm_stdv": 86.6382064819336,
  "summary_wm_k": 0.9537158378290673,
  "summary_wm_mad": 48.72977952126216,
  "summary_wm_mean": 997.0032348632812,
  "summary_wm_median": 999.9782104492188,
  "summary_wm_n": 175634.0,
  "summary_wm_p05": 900.9959930419922,
  "summary_wm_p95": 1081.8128845214844,
  "summary_wm_stdv": 55.07608413696289,
  "tpm_overlap_csf": 0.13400988280773163,
  "tpm_overlap_gm": 0.4169480800628662,
  "tpm_overlap_wm": 0.4104250371456146,
  "wm2max": 0.7115870527613017
}