{
  "aor": 0.003939567901234567,
  "aqi": 0.0032387822839506177,
  "bids_meta": {
    "AcquisitionNumber": 8,
    "BidsifyVersion": "0.3.5",
    "ConversionSoftware": "dcm2niix",
    "ConversionSoftwareVersion": "v1.0.20181125  GCC6.3.0",
    "EchoTime": 0.02762,
    "EffectiveEchoSpacing": 0.0006621159151938905,
    "ImageComments": "Piop",
    "ImageOrientationPatientDICOM": [
      0.997715,
      -0.0577138,
      0.0351187,
      0.0631206,
      0.981633,
      -0.180034
    ],
    "Manufacturer": "Philips",
    "NumberOfVolumesDiscardedByScanner": 2,
    "ParallelAcquisitionTechnique": "SENSE",
    "ParallelReductionFactorInPlane": 2,
    "PatientPosition": "HFS",
    "PhaseEncodingDirection": "j",
    "PhilipsRescaleIntercept": 0,
    "PhilipsRescaleSlope": 0.82979,
    "PhilipsScaleSlope": 0.0556923,
    "ProtocolName": "WIPpiopwmSENSE",
    "PulseSequenceType": "gradient echo EPI",
    "ReconMatrixPE": 80,
    "RepetitionTime": 2,
    "SeriesDescription": "ImageMRSERIES",
    "SeriesNumber": 8,
    "SliceEncodingDirection": "k",
    "SliceTiming": [
      0.0,
      0.0541,
      0.1081,
      0.1622,
      0.2162,
      0.2703,
      0.3243,
      0.3784,
      0.4324,
      0.4865,
      0.5405,
      0.5946,
      0.6486,
      0.7027,
      0.7568,
      0.8108,
      0.8649,
      0.9189,
      0.973,
      1.027,
      1.0811,
      1.1351,
      1.1892,
      1.2432,
      1.2973,
      1.3514,
      1.4054,
      1.4595,
      1.5135,
      1.5676,
      1.6216,
      1.6757,
      1.7297,
      1.7838,
      1.8378,
      1.8919,
      1.9459
    ],
    "TaskName": "workingmemory",
    "TotalReadoutTime": 0.025822520692561732,
    "UsePhilipsFloatNotDisplayScaling": 1,
    "acq_id": "seq",
    "dataset": "ds002785",
    "modality": "bold",
    "subject_id": "0182",
    "task_id": "workingmemory"
  },
  "dummy_trs": 0,
  "dvars_nstd": 21.335138593726704,
  "dvars_std": 1.2729397763354042,
  "dvars_vstd": 1.0368517837888198,
  "efc": 0.40372640954875316,
  "fber": 146190.453125,
  "fd_mean": 0.1493291021390154,
  "fd_num": 25,
  "fd_perc": 15.432098765432098,
  "fwhm_avg": 1.8274140487851944,
  "fwhm_x": 1.7892233333333334,
  "fwhm_y": 1.95294,
  "fwhm_z": 1.7400788130222495,
  "gcor": 0.0279963,
  "gsr_x": -0.025417868047952652,
  "gsr_y": 0.015729213133454323,
  "provenance": {
    "md5sum": "afcd802fdb0ad3e8ca9f679ea1793a88",
    "settings": {
      "fd_thres": 0.2,
      "testing": false
    },
    "software": "mriqc",
    "version": "22.0.0rc1",
    "webapi_port": null,
    "webapi_url": "https://mriqc.nimh.nih.gov/api/v1"
  },
  "size_t": 162,
  "size_x": 80,
  "size_y": 80,
  "size_z": 37,
  "snr": 5.042269515379185,
  "spacing_tr": 2.0,
  "spacing_x": 3.0,
  "spacing_y": 3.0,
  "spacing_z": 3.299999952316284,
  "summary_bg_k": 118.47804609985245,
  "summary_bg_mad": 60.4977352679787,
  "summary_bg_mean": 518.5048217773438,
  "summary_bg_median": 60.44915771484375,
  "summary_bg_n": 164424.0,
  "summary_bg_p05": 4.404316639900207,
  "summary_bg_p95": 2583.171447753908,
  "summary_bg_stdv": 1766.1319580078125,
  "summary_fg_k": 2.4011812646149666,
  "summary_fg_mad": 4309.527937274036,
  "summary_fg_mean": 24195.830078125,
  "summary_fg_median": 23571.75,
  "summary_fg_n": 31977.0,
  "summary_fg_p05": 17809.208984375,
  "summary_fg_p95": 31770.522265624997,
  "summary_fg_stdv": 4674.75634765625,
  "tsnr": 87.02898406982422
}