{
  "aor": 0.0040279104477611944,
  "aqi": 0.0036027502238805973,
  "bids_meta": {
    "AcquisitionNumber": 5,
    "BidsifyVersion": "0.3.5",
    "ConversionSoftware": "dcm2niix",
    "ConversionSoftwareVersion": "v1.0.20181125  GCC6.3.0",
    "EchoTime": 0.02762,
    "EffectiveEchoSpacing": 0.0006621159151938905,
    "ImageComments": "piop",
    "ImageOrientationPatientDICOM": [
      0.998573,
      0.0532988,
      -0.00321395,
      -0.0533816,
      0.995125,
      -0.0829288
    ],
    "Manufacturer": "Philips",
    "NumberOfVolumesDiscardedByScanner": 2,
    "ParallelAcquisitionTechnique": "SENSE",
    "ParallelReductionFactorInPlane": 2,
    "PatientPosition": "HFS",
    "PhaseEncodingDirection": "j",
    "PhilipsRescaleIntercept": 0,
    "PhilipsRescaleSlope": 0.77656,
    "PhilipsScaleSlope": 0.0499437,
    "ProtocolName": "WIPpiopharririSENSE",
    "PulseSequenceType": "gradient echo EPI",
    "ReconMatrixPE": 80,
    "RepetitionTime": 2,
    "SeriesDescription": "ImageMRSERIES",
    "SeriesNumber": 5,
    "SliceEncodingDirection": "k",
    "SliceTiming": [
      0.0,
      0.0541,
      0.1081,
      0.1622,
      0.2162,
      0.2703,
      0.3243,
      0.3784,
      0.4324,
      0.4865,
      0.5405,
      0.5946,
      0.6486,
      0.7027,
      0.7568,
      0.8108,
      0.8649,
      0.9189,
      0.973,
      1.027,
      1.0811,
      1.1351,
      1.1892,
      1.2432,
      1.2973,
      1.3514,
      1.4054,
      1.4595,
      1.5135,
      1.5676,
      1.6216,
      1.6757,
      1.7297,
      1.7838,
      1.8378,
      1.8919,
      1.9459
    ],
    "TaskName": "emomatching",
    "TotalReadoutTime": 0.025822520692561732,
    "UsePhilipsFloatNotDisplayScaling": 1,
    "acq_id": "seq",
    "dataset": "ds002785",
    "modality": "bold",
    "subject_id": "0162",
    "task_id": "emomatching"
  },
  "dummy_trs": 1,
  "dvars_nstd": 19.969358451428576,
  "dvars_std": 1.3171134103007518,
  "dvars_vstd": 1.0465432588721806,
  "efc": 0.4522484354153853,
  "fber": 205494.15625,
  "fd_mean": 0.08588719931642602,
  "fd_num": 8,
  "fd_perc": 5.970149253731344,
  "fwhm_avg": 1.8961011198396394,
  "fwhm_x": 1.8321866666666666,
  "fwhm_y": 2.0439166666666666,
  "fwhm_z": 1.8122000261855853,
  "gcor": 0.0124598,
  "gsr_x": -0.014000183902680874,
  "gsr_y": 0.021520260721445084,
  "provenance": {
    "md5sum": "3ea2b9193651270d4e50cc03194d69e9",
    "settings": {
      "fd_thres": 0.2,
      "testing": false
    },
    "software": "mriqc",
    "version": "22.0.0rc1",
    "webapi_port": null,
    "webapi_url": "https://mriqc.nimh.nih.gov/api/v1"
  },
  "size_t": 134,
  "size_x": 80,
  "size_y": 80,
  "size_z": 37,
  "snr": 5.602789504754946,
  "spacing_tr": 2.0,
  "spacing_x": 3.0,
  "spacing_y": 3.0,
  "spacing_z": 3.299999952316284,
  "summary_bg_k": 26.09943277521148,
  "summary_bg_mad": 60.99127382177443,
  "summary_bg_mean": 748.9629516601562,
  "summary_bg_median": 58.524871826171875,
  "summary_bg_n": 154953.0,
  "summary_bg_p05": 3.2532366752624515,
  "summary_bg_p95": 4903.588671874998,
  "summary_bg_stdv": 2110.337158203125,
  "summary_fg_k": 1.094876894074721,
  "summary_fg_mad": 4670.289650931302,
  "summary_fg_mean": 27804.7578125,
  "summary_fg_median": 27402.41015625,
  "summary_fg_n": 39939.0,
  "summary_fg_p05": 20557.322265625,
  "summary_fg_p95": 36014.42265625,
  "summary_fg_stdv": 4890.7900390625,
  "tsnr": 88.97317504882812
}