{
  "aor": 0.005732200000000001,
  "aqi": 0.0059866678000000005,
  "bids_meta": {
    "AcquisitionNumber": 9,
    "BidsifyVersion": "0.3.5",
    "ConversionSoftware": "dcm2niix",
    "ConversionSoftwareVersion": "v1.0.20181125  GCC6.3.0",
    "EchoTime": 0.02762,
    "EffectiveEchoSpacing": 0.0006621159151938905,
    "ImageComments": "piop",
    "ImageOrientationPatientDICOM": [
      0.998573,
      0.0532988,
      -0.00321395,
      -0.0533816,
      0.995125,
      -0.0829288
    ],
    "Manufacturer": "Philips",
    "NumberOfVolumesDiscardedByScanner": 2,
    "ParallelAcquisitionTechnique": "SENSE",
    "ParallelReductionFactorInPlane": 2,
    "PatientPosition": "HFS",
    "PhaseEncodingDirection": "j",
    "PhilipsRescaleIntercept": 0,
    "PhilipsRescaleSlope": 0.81538,
    "PhilipsScaleSlope": 0.0510324,
    "ProtocolName": "WIPpiopanticipatieSENSE",
    "PulseSequenceType": "gradient echo EPI",
    "ReconMatrixPE": 80,
    "RepetitionTime": 2,
    "SeriesDescription": "ImageMRSERIES",
    "SeriesNumber": 9,
    "SliceEncodingDirection": "k",
    "SliceTiming": [
      0.0,
      0.0541,
      0.1081,
      0.1622,
      0.2162,
      0.2703,
      0.3243,
      0.3784,
      0.4324,
      0.4865,
      0.5405,
      0.5946,
      0.6486,
      0.7027,
      0.7568,
      0.8108,
      0.8649,
      0.9189,
      0.973,
      1.027,
      1.0811,
      1.1351,
      1.1892,
      1.2432,
      1.2973,
      1.3514,
      1.4054,
      1.4595,
      1.5135,
      1.5676,
      1.6216,
      1.6757,
      1.7297,
      1.7838,
      1.8378,
      1.8919,
      1.9459
    ],
    "TaskName": "anticipation",
    "TotalReadoutTime": 0.025822520692561732,
    "UsePhilipsFloatNotDisplayScaling": 1,
    "acq_id": "seq",
    "dataset": "ds002785",
    "modality": "bold",
    "subject_id": "0162",
    "task_id": "anticipation"
  },
  "dummy_trs": 0,
  "dvars_nstd": 22.52263617899497,
  "dvars_std": 1.238751634472361,
  "dvars_vstd": 1.0373197639698497,
  "efc": 0.4540451750988814,
  "fber": 201653.765625,
  "fd_mean": 0.16458790963692074,
  "fd_num": 42,
  "fd_perc": 21.0,
  "fwhm_avg": 1.8830144532092572,
  "fwhm_x": 1.8150866666666667,
  "fwhm_y": 2.0142233333333333,
  "fwhm_z": 1.8197333596277723,
  "gcor": 0.0634273,
  "gsr_x": -0.014390956610441208,
  "gsr_y": 0.021977784112095833,
  "provenance": {
    "md5sum": "c018d2694a223b98d48aa4de772b39a4",
    "settings": {
      "fd_thres": 0.2,
      "testing": false
    },
    "software": "mriqc",
    "version": "22.0.0rc1",
    "webapi_port": null,
    "webapi_url": "https://mriqc.nimh.nih.gov/api/v1"
  },
  "size_t": 200,
  "size_x": 80,
  "size_y": 80,
  "size_z": 37,
  "snr": 5.695345529861697,
  "spacing_tr": 2.0,
  "spacing_x": 3.0,
  "spacing_y": 3.0,
  "spacing_z": 3.299999952316284,
  "summary_bg_k": 24.239234068069596,
  "summary_bg_mad": 62.582507487545456,
  "summary_bg_mean": 774.6470947265625,
  "summary_bg_median": 58.41402816772461,
  "summary_bg_n": 155003.0,
  "summary_bg_p05": 3.29405882358551,
  "summary_bg_p95": 5168.245898437492,
  "summary_bg_stdv": 2132.090576171875,
  "summary_fg_k": 1.0181861204087976,
  "summary_fg_mad": 4595.515245096613,
  "summary_fg_mean": 27552.630859375,
  "summary_fg_median": 27138.9375,
  "summary_fg_n": 39824.0,
  "summary_fg_p05": 20506.30439453125,
  "summary_fg_p95": 35592.343945312496,
  "summary_fg_stdv": 4765.04833984375,
  "tsnr": 70.10466003417969
}