{
  "aor": 0.008441913580246914,
  "aqi": 0.004924518333333333,
  "bids_meta": {
    "AcquisitionNumber": 8,
    "BidsifyVersion": "0.3.5",
    "ConversionSoftware": "dcm2niix",
    "ConversionSoftwareVersion": "v1.0.20181125  GCC6.3.0",
    "EchoTime": 0.02762,
    "EffectiveEchoSpacing": 0.0006621159151938905,
    "ImageComments": "piop",
    "ImageOrientationPatientDICOM": [
      0.998573,
      0.0532988,
      -0.00321395,
      -0.0533816,
      0.995125,
      -0.0829288
    ],
    "Manufacturer": "Philips",
    "NumberOfVolumesDiscardedByScanner": 2,
    "ParallelAcquisitionTechnique": "SENSE",
    "ParallelReductionFactorInPlane": 2,
    "PatientPosition": "HFS",
    "PhaseEncodingDirection": "j",
    "PhilipsRescaleIntercept": 0,
    "PhilipsRescaleSlope": 0.82247,
    "PhilipsScaleSlope": 0.048885,
    "ProtocolName": "WIPpiopwmSENSE",
    "PulseSequenceType": "gradient echo EPI",
    "ReconMatrixPE": 80,
    "RepetitionTime": 2,
    "SeriesDescription": "ImageMRSERIES",
    "SeriesNumber": 8,
    "SliceEncodingDirection": "k",
    "SliceTiming": [
      0.0,
      0.0541,
      0.1081,
      0.1622,
      0.2162,
      0.2703,
      0.3243,
      0.3784,
      0.4324,
      0.4865,
      0.5405,
      0.5946,
      0.6486,
      0.7027,
      0.7568,
      0.8108,
      0.8649,
      0.9189,
      0.973,
      1.027,
      1.0811,
      1.1351,
      1.1892,
      1.2432,
      1.2973,
      1.3514,
      1.4054,
      1.4595,
      1.5135,
      1.5676,
      1.6216,
      1.6757,
      1.7297,
      1.7838,
      1.8378,
      1.8919,
      1.9459
    ],
    "TaskName": "workingmemory",
    "TotalReadoutTime": 0.025822520692561732,
    "UsePhilipsFloatNotDisplayScaling": 1,
    "acq_id": "seq",
    "dataset": "ds002785",
    "modality": "bold",
    "subject_id": "0162",
    "task_id": "workingmemory"
  },
  "dummy_trs": 0,
  "dvars_nstd": 20.65973357074533,
  "dvars_std": 1.295716206645963,
  "dvars_vstd": 1.0724507342236023,
  "efc": 0.452767737699015,
  "fber": 202927.46875,
  "fd_mean": 0.11317275527522642,
  "fd_num": 15,
  "fd_perc": 9.25925925925926,
  "fwhm_avg": 1.9117805139196034,
  "fwhm_x": 1.8445,
  "fwhm_y": 2.0494566666666665,
  "fwhm_z": 1.8413848750921435,
  "gcor": 0.0543699,
  "gsr_x": -0.013859478756785393,
  "gsr_y": 0.02146361768245697,
  "provenance": {
    "md5sum": "6113604ff9d8e3e8a018781ee5cfde63",
    "settings": {
      "fd_thres": 0.2,
      "testing": false
    },
    "software": "mriqc",
    "version": "22.0.0rc1",
    "webapi_port": null,
    "webapi_url": "https://mriqc.nimh.nih.gov/api/v1"
  },
  "size_t": 162,
  "size_x": 80,
  "size_y": 80,
  "size_z": 37,
  "snr": 5.552679777166093,
  "spacing_tr": 2.0,
  "spacing_x": 3.0,
  "spacing_y": 3.0,
  "spacing_z": 3.299999952316284,
  "summary_bg_k": 24.4243837082388,
  "summary_bg_mad": 63.82169636745964,
  "summary_bg_mean": 774.9501953125,
  "summary_bg_median": 59.142784118652344,
  "summary_bg_n": 155056.0,
  "summary_bg_p05": 3.329901337623596,
  "summary_bg_p95": 5148.130126953125,
  "summary_bg_stdv": 2151.911376953125,
  "summary_fg_k": 1.0997158749142963,
  "summary_fg_mad": 4736.870652513528,
  "summary_fg_mean": 27965.447265625,
  "summary_fg_median": 27525.798828125,
  "summary_fg_n": 39735.0,
  "summary_fg_p05": 20656.633203125,
  "summary_fg_p95": 36335.68359375,
  "summary_fg_stdv": 4957.1474609375,
  "tsnr": 75.96820068359375
}