{
  "bids_meta": {
    "AcquisitionNumber": 4,
    "BidsifyVersion": "0.3.5",
    "ConversionSoftware": "dcm2niix",
    "ConversionSoftwareVersion": "v1.0.20181125  GCC6.3.0",
    "EchoTime": 0.00376,
    "ImageComments": "Piop",
    "ImageOrientationPatientDICOM": [
      0.998324,
      -0.051761,
      0.0258948,
      0.0530188,
      0.997315,
      -0.0505109
    ],
    "Manufacturer": "Philips",
    "PatientPosition": "HFS",
    "PhilipsRescaleIntercept": 0,
    "PhilipsRescaleSlope": 9.84469,
    "PhilipsScaleSlope": 0.00732454,
    "ProtocolName": "WIPt13dSENSE",
    "ReconMatrixPE": 240,
    "RepetitionTime": 0.008181,
    "SeriesDescription": "ImageMRSERIES",
    "SeriesNumber": 4,
    "UsePhilipsFloatNotDisplayScaling": 1,
    "dataset": "ds002785",
    "modality": "T1w",
    "subject_id": "0151"
  },
  "cjv": 0.369414336194284,
  "cnr": 3.4525898917176083,
  "efc": 0.8029225002559732,
  "fber": 440.2192077636719,
  "fwhm_avg": 3.9234096987223985,
  "fwhm_x": 3.7282095555627874,
  "fwhm_y": 4.18833,
  "fwhm_z": 3.8536895406044076,
  "icvs_csf": 0.22452463082160762,
  "icvs_gm": 0.4165715734123342,
  "icvs_wm": 0.3589037957660582,
  "inu_med": 0.6920986771583557,
  "inu_range": 0.300317895412445,
  "provenance": {
    "md5sum": "dcfdf5557082768b387e7daac588d435",
    "settings": {
      "testing": false
    },
    "software": "mriqc",
    "version": "22.0.0rc1",
    "warnings": {
      "large_rot_frame": true,
      "small_air_mask": true
    },
    "webapi_port": null,
    "webapi_url": "https://mriqc.nimh.nih.gov/api/v1"
  },
  "qi_1": 0.0,
  "qi_2": 0.0003829528245047862,
  "rpve_csf": 24.57007525003472,
  "rpve_gm": 13.725219443683729,
  "rpve_wm": 19.663906415943025,
  "size_x": 240,
  "size_y": 240,
  "size_z": 220,
  "snr_csf": 2.9091333454268886,
  "snr_gm": 7.7061584101747735,
  "snr_total": 9.413409576529945,
  "snr_wm": 17.624936973988177,
  "snrd_csf": 18.25313121176879,
  "snrd_gm": 31.197685023484915,
  "snrd_total": 32.558092093789014,
  "snrd_wm": 48.22346004611333,
  "spacing_x": 1.0000001192092896,
  "spacing_y": 1.0,
  "spacing_z": 1.0000001192092896,
  "summary_bg_k": 1.9381853667371818,
  "summary_bg_mad": 13.585451905636713,
  "summary_bg_mean": 17.655372619628906,
  "summary_bg_median": 18.377227783203125,
  "summary_bg_n": 100795.0,
  "summary_bg_p05": 0.0,
  "summary_bg_p95": 45.85551681518554,
  "summary_bg_stdv": 13.798912048339844,
  "summary_csf_k": -0.41550512168514286,
  "summary_csf_mad": 124.29376333798089,
  "summary_csf_mean": 356.89727783203125,
  "summary_csf_median": 378.5120849609375,
  "summary_csf_n": 10352.0,
  "summary_csf_p05": 113.92623252868653,
  "summary_csf_p95": 536.380889892578,
  "summary_csf_stdv": 130.1053466796875,
  "summary_gm_k": 0.3876423395649695,
  "summary_gm_mad": 80.38203381800065,
  "summary_gm_mean": 653.0582885742188,
  "summary_gm_median": 646.9411010742188,
  "summary_gm_n": 20211.0,
  "summary_gm_p05": 525.1981811523438,
  "summary_gm_p95": 802.9871215820312,
  "summary_gm_stdv": 83.94910430908203,
  "summary_wm_k": 1.0617551689255675,
  "summary_wm_mad": 50.043616289480106,
  "summary_wm_mean": 997.0819091796875,
  "summary_wm_median": 1000.001708984375,
  "summary_wm_n": 206319.0,
  "summary_wm_p05": 896.9730224609375,
  "summary_wm_p95": 1083.9722534179687,
  "summary_wm_stdv": 56.73775100708008,
  "tpm_overlap_csf": 0.16066917777061462,
  "tpm_overlap_gm": 0.4496906101703644,
  "tpm_overlap_wm": 0.4901679754257202,
  "wm2max": 0.6280015031208631
}