{
  "aor": 0.00098235,
  "aqi": 0.014482451799999997,
  "bids_meta": {
    "AcquisitionNumber": 9,
    "BidsifyVersion": "0.3.5",
    "ConversionSoftware": "dcm2niix",
    "ConversionSoftwareVersion": "v1.0.20181125  GCC6.3.0",
    "EchoTime": 0.02762,
    "EffectiveEchoSpacing": 0.0006621159151938905,
    "ImageComments": "PIOP",
    "ImageOrientationPatientDICOM": [
      0.994961,
      0.0922667,
      0.0392244,
      -0.0795284,
      0.964558,
      -0.251601
    ],
    "Manufacturer": "Philips",
    "NumberOfVolumesDiscardedByScanner": 2,
    "ParallelAcquisitionTechnique": "SENSE",
    "ParallelReductionFactorInPlane": 2,
    "PatientPosition": "HFS",
    "PhaseEncodingDirection": "j",
    "PhilipsRescaleIntercept": 0,
    "PhilipsRescaleSlope": 0.8127,
    "PhilipsScaleSlope": 0.0551223,
    "ProtocolName": "WIPpiopanticipatieSENSE",
    "PulseSequenceType": "gradient echo EPI",
    "ReconMatrixPE": 80,
    "RepetitionTime": 2,
    "SeriesDescription": "ImageMRSERIES",
    "SeriesNumber": 9,
    "SliceEncodingDirection": "k",
    "SliceTiming": [
      0.0,
      0.0541,
      0.1081,
      0.1622,
      0.2162,
      0.2703,
      0.3243,
      0.3784,
      0.4324,
      0.4865,
      0.5405,
      0.5946,
      0.6486,
      0.7027,
      0.7568,
      0.8108,
      0.8649,
      0.9189,
      0.973,
      1.027,
      1.0811,
      1.1351,
      1.1892,
      1.2432,
      1.2973,
      1.3514,
      1.4054,
      1.4595,
      1.5135,
      1.5676,
      1.6216,
      1.6757,
      1.7297,
      1.7838,
      1.8378,
      1.8919,
      1.9459
    ],
    "TaskName": "anticipation",
    "TotalReadoutTime": 0.025822520692561732,
    "UsePhilipsFloatNotDisplayScaling": 1,
    "acq_id": "seq",
    "dataset": "ds002785",
    "modality": "bold",
    "subject_id": "0064",
    "task_id": "anticipation"
  },
  "dummy_trs": 0,
  "dvars_nstd": 31.745691299296485,
  "dvars_std": 1.1112171547738694,
  "dvars_vstd": 0.9350393072361812,
  "efc": 0.39638182357776713,
  "fber": 170516.046875,
  "fd_mean": 0.32606667227131353,
  "fd_num": 157,
  "fd_perc": 78.5,
  "fwhm_avg": 1.8964148572176533,
  "fwhm_x": 1.8644566666666667,
  "fwhm_y": 2.0117,
  "fwhm_z": 1.8130879049862934,
  "gcor": 0.0268835,
  "gsr_x": -0.02075359784066677,
  "gsr_y": 0.00809852872043848,
  "provenance": {
    "md5sum": "a41b61201484a2f28e229de8c86c6ebe",
    "settings": {
      "fd_thres": 0.2,
      "testing": false
    },
    "software": "mriqc",
    "version": "22.0.0rc1",
    "webapi_port": null,
    "webapi_url": "https://mriqc.nimh.nih.gov/api/v1"
  },
  "size_t": 200,
  "size_x": 80,
  "size_y": 80,
  "size_z": 37,
  "snr": 4.888589215971944,
  "spacing_tr": 2.0,
  "spacing_x": 3.0,
  "spacing_y": 3.0,
  "spacing_z": 3.299999952316284,
  "summary_bg_k": 96.5905294210807,
  "summary_bg_mad": 58.61741865868755,
  "summary_bg_mean": 471.70703125,
  "summary_bg_median": 55.95155715942383,
  "summary_bg_n": 165525.0,
  "summary_bg_p05": 2.827599525451661,
  "summary_bg_p95": 2269.6821777343725,
  "summary_bg_stdv": 1446.3546142578125,
  "summary_fg_k": 2.1759919295655923,
  "summary_fg_mad": 3983.7463697096364,
  "summary_fg_mean": 24436.919921875,
  "summary_fg_median": 23549.64453125,
  "summary_fg_n": 30846.0,
  "summary_fg_p05": 18352.86279296875,
  "summary_fg_p95": 33459.3896484375,
  "summary_fg_stdv": 4817.18994140625,
  "tsnr": 49.774559020996094
}