{
  "aor": 0.0055768163265306125,
  "aqi": 0.01509757444897959,
  "bids_meta": {
    "AcquisitionNumber": 3,
    "BidsifyVersion": "0.3.5",
    "ConversionSoftware": "dcm2niix",
    "ConversionSoftwareVersion": "v1.0.20181125  GCC6.3.0",
    "EchoTime": 0.02762,
    "EffectiveEchoSpacing": 0.0006621159151938905,
    "ImageComments": "PIOP",
    "ImageOrientationPatientDICOM": [
      0.994961,
      0.0922667,
      0.0392244,
      -0.0795284,
      0.964558,
      -0.251601
    ],
    "Manufacturer": "Philips",
    "NumberOfVolumesDiscardedByScanner": 2,
    "ParallelAcquisitionTechnique": "SENSE",
    "ParallelReductionFactorInPlane": 2,
    "PatientPosition": "HFS",
    "PhaseEncodingDirection": "j",
    "PhilipsRescaleIntercept": 0,
    "PhilipsRescaleSlope": 0.87741,
    "PhilipsScaleSlope": 0.0535418,
    "ProtocolName": "WIPpiopgstroopSENSE",
    "PulseSequenceType": "gradient echo EPI",
    "ReconMatrixPE": 80,
    "RepetitionTime": 2,
    "SeriesDescription": "ImageMRSERIES",
    "SeriesNumber": 3,
    "SliceEncodingDirection": "k",
    "SliceTiming": [
      0.0,
      0.0541,
      0.1081,
      0.1622,
      0.2162,
      0.2703,
      0.3243,
      0.3784,
      0.4324,
      0.4865,
      0.5405,
      0.5946,
      0.6486,
      0.7027,
      0.7568,
      0.8108,
      0.8649,
      0.9189,
      0.973,
      1.027,
      1.0811,
      1.1351,
      1.1892,
      1.2432,
      1.2973,
      1.3514,
      1.4054,
      1.4595,
      1.5135,
      1.5676,
      1.6216,
      1.6757,
      1.7297,
      1.7838,
      1.8378,
      1.8919,
      1.9459
    ],
    "TaskName": "gstroop",
    "TotalReadoutTime": 0.025822520692561732,
    "UsePhilipsFloatNotDisplayScaling": 1,
    "acq_id": "seq",
    "dataset": "ds002785",
    "modality": "bold",
    "subject_id": "0064",
    "task_id": "gstroop"
  },
  "dummy_trs": 0,
  "dvars_nstd": 26.77579746086067,
  "dvars_std": 1.1235517172131146,
  "dvars_vstd": 0.9617646485655744,
  "efc": 0.3963050776004925,
  "fber": 171817.109375,
  "fd_mean": 0.2508195751587405,
  "fd_num": 137,
  "fd_perc": 55.91836734693877,
  "fwhm_avg": 1.8766466753256763,
  "fwhm_x": 1.8539700000000001,
  "fwhm_y": 1.9782033333333333,
  "fwhm_z": 1.7977666926436957,
  "gcor": 0.0119155,
  "gsr_x": -0.02085699327290058,
  "gsr_y": 0.00819039810448885,
  "provenance": {
    "md5sum": "d70fcdb4b7bd6776fa3011e4f0c8b36d",
    "settings": {
      "fd_thres": 0.2,
      "testing": false
    },
    "software": "mriqc",
    "version": "22.0.0rc1",
    "webapi_port": null,
    "webapi_url": "https://mriqc.nimh.nih.gov/api/v1"
  },
  "size_t": 245,
  "size_x": 80,
  "size_y": 80,
  "size_z": 37,
  "snr": 4.835619228227327,
  "spacing_tr": 2.0,
  "spacing_x": 3.0,
  "spacing_y": 3.0,
  "spacing_z": 3.299999952316284,
  "summary_bg_k": 102.29692114430397,
  "summary_bg_mad": 64.13316024523415,
  "summary_bg_mean": 450.9588623046875,
  "summary_bg_median": 56.652610778808594,
  "summary_bg_n": 165188.0,
  "summary_bg_p05": 3.3334285736083986,
  "summary_bg_p95": 2159.1863647460905,
  "summary_bg_stdv": 1405.0341796875,
  "summary_fg_k": 2.2726565884031578,
  "summary_fg_mad": 4082.1077606436174,
  "summary_fg_mean": 24617.30859375,
  "summary_fg_median": 23675.310546875,
  "summary_fg_n": 31079.0,
  "summary_fg_p05": 18508.7158203125,
  "summary_fg_p95": 33744.809375,
  "summary_fg_stdv": 4895.94580078125,
  "tsnr": 47.73997116088867
}