{
  "aor": 0.005968656716417911,
  "aqi": 0.015720832014925374,
  "bids_meta": {
    "AcquisitionNumber": 5,
    "BidsifyVersion": "0.3.5",
    "ConversionSoftware": "dcm2niix",
    "ConversionSoftwareVersion": "v1.0.20181125  GCC6.3.0",
    "EchoTime": 0.02762,
    "EffectiveEchoSpacing": 0.0006621159151938905,
    "ImageComments": "PIOP",
    "ImageOrientationPatientDICOM": [
      0.994961,
      0.0922667,
      0.0392244,
      -0.0795284,
      0.964558,
      -0.251601
    ],
    "Manufacturer": "Philips",
    "NumberOfVolumesDiscardedByScanner": 2,
    "ParallelAcquisitionTechnique": "SENSE",
    "ParallelReductionFactorInPlane": 2,
    "PatientPosition": "HFS",
    "PhaseEncodingDirection": "j",
    "PhilipsRescaleIntercept": 0,
    "PhilipsRescaleSlope": 0.83248,
    "PhilipsScaleSlope": 0.0524038,
    "ProtocolName": "WIPpiopharririSENSE",
    "PulseSequenceType": "gradient echo EPI",
    "ReconMatrixPE": 80,
    "RepetitionTime": 2,
    "SeriesDescription": "ImageMRSERIES",
    "SeriesNumber": 5,
    "SliceEncodingDirection": "k",
    "SliceTiming": [
      0.0,
      0.0541,
      0.1081,
      0.1622,
      0.2162,
      0.2703,
      0.3243,
      0.3784,
      0.4324,
      0.4865,
      0.5405,
      0.5946,
      0.6486,
      0.7027,
      0.7568,
      0.8108,
      0.8649,
      0.9189,
      0.973,
      1.027,
      1.0811,
      1.1351,
      1.1892,
      1.2432,
      1.2973,
      1.3514,
      1.4054,
      1.4595,
      1.5135,
      1.5676,
      1.6216,
      1.6757,
      1.7297,
      1.7838,
      1.8378,
      1.8919,
      1.9459
    ],
    "TaskName": "emomatching",
    "TotalReadoutTime": 0.025822520692561732,
    "UsePhilipsFloatNotDisplayScaling": 1,
    "acq_id": "seq",
    "dataset": "ds002785",
    "modality": "bold",
    "subject_id": "0064",
    "task_id": "emomatching"
  },
  "dummy_trs": 1,
  "dvars_nstd": 30.135442927142865,
  "dvars_std": 1.110145837969924,
  "dvars_vstd": 0.945354356842105,
  "efc": 0.39535189499526036,
  "fber": 166612.46875,
  "fd_mean": 0.32456731324843885,
  "fd_num": 74,
  "fd_perc": 55.223880597014926,
  "fwhm_avg": 1.9167427361686376,
  "fwhm_x": 1.8836666666666666,
  "fwhm_y": 2.01961,
  "fwhm_z": 1.8469515418392464,
  "gcor": 0.0284472,
  "gsr_x": -0.020792938768863678,
  "gsr_y": 0.008078861981630325,
  "provenance": {
    "md5sum": "b3da3c5f93566fccc4d34e7b6115d416",
    "settings": {
      "fd_thres": 0.2,
      "testing": false
    },
    "software": "mriqc",
    "version": "22.0.0rc1",
    "webapi_port": null,
    "webapi_url": "https://mriqc.nimh.nih.gov/api/v1"
  },
  "size_t": 134,
  "size_x": 80,
  "size_y": 80,
  "size_z": 37,
  "snr": 4.732751232455649,
  "spacing_tr": 2.0,
  "spacing_x": 3.0,
  "spacing_y": 3.0,
  "spacing_z": 3.299999952316284,
  "summary_bg_k": 78.06000789210383,
  "summary_bg_mad": 61.10097136446141,
  "summary_bg_mean": 472.79541015625,
  "summary_bg_median": 57.30356216430664,
  "summary_bg_n": 165781.0,
  "summary_bg_p05": 3.1466307640075684,
  "summary_bg_p95": 2263.85107421875,
  "summary_bg_stdv": 1402.3485107421875,
  "summary_fg_k": 2.0935327363930245,
  "summary_fg_mad": 4199.763250370377,
  "summary_fg_mean": 24730.376953125,
  "summary_fg_median": 23788.79296875,
  "summary_fg_n": 30805.0,
  "summary_fg_p05": 18357.477734375,
  "summary_fg_p95": 34164.81328125,
  "summary_fg_stdv": 5026.337890625,
  "tsnr": 46.894412994384766
}