{
  "aor": 0.0011810647181628392,
  "aqi": 0.021781015427974948,
  "bids_meta": {
    "AcquisitionNumber": 6,
    "BidsifyVersion": "0.3.5",
    "ConversionSoftware": "dcm2niix",
    "ConversionSoftwareVersion": "v1.0.20181125  GCC6.3.0",
    "EchoTime": 0.02762,
    "EffectiveEchoSpacing": 0.0006333282667071997,
    "ImageComments": "piop",
    "ImageOrientationPatientDICOM": [
      0.987957,
      0.154476,
      -0.00879912,
      -0.15471,
      0.987086,
      -0.0415376
    ],
    "Manufacturer": "Philips",
    "NumberOfVolumesDiscardedByScanner": 2,
    "ParallelAcquisitionTechnique": "SENSE",
    "ParallelReductionFactorInPlane": 2,
    "PatientPosition": "HFS",
    "PhaseEncodingDirection": "j",
    "PhilipsRescaleIntercept": 0,
    "PhilipsRescaleSlope": 0.76777,
    "PhilipsScaleSlope": 0.0930628,
    "ProtocolName": "WIPpioprsSENSE",
    "PulseSequenceType": "gradient echo EPI",
    "ReconMatrixPE": 80,
    "RepetitionTime": 0.75,
    "SeriesDescription": "ImageMRSERIES",
    "SeriesNumber": 6,
    "SliceEncodingDirection": "k",
    "SliceTiming": [
      0.0,
      0.06755050505050506,
      0.1351010101010101,
      0.20265151515151517,
      0.2702020202020202,
      0.3377525252525253,
      0.40530303030303033,
      0.47285353535353536,
      0.5404040404040404,
      0.6079545454545455,
      0.6755050505050506,
      0.7430555555555556,
      0.0,
      0.06755050505050506,
      0.1351010101010101,
      0.20265151515151517,
      0.2702020202020202,
      0.3377525252525253,
      0.40530303030303033,
      0.47285353535353536,
      0.5404040404040404,
      0.6079545454545455,
      0.6755050505050506,
      0.7430555555555556,
      0.0,
      0.06755050505050506,
      0.1351010101010101,
      0.20265151515151517,
      0.2702020202020202,
      0.3377525252525253,
      0.40530303030303033,
      0.47285353535353536,
      0.5404040404040404,
      0.6079545454545455,
      0.6755050505050506,
      0.7430555555555556
    ],
    "TaskName": "restingstate",
    "TotalReadoutTime": 0.024699802401580786,
    "UsePhilipsFloatNotDisplayScaling": 1,
    "acq_id": "mb3",
    "dataset": "ds002785",
    "modality": "bold",
    "subject_id": "0167",
    "task_id": "restingstate"
  },
  "dummy_trs": 1,
  "dvars_nstd": 32.28881181525103,
  "dvars_std": 1.114586745460251,
  "dvars_vstd": 0.995112686380753,
  "efc": 0.45456219801986136,
  "fber": 122431.3046875,
  "fd_mean": 0.20774555557593063,
  "fd_num": 189,
  "fd_perc": 39.45720250521921,
  "fwhm_avg": 1.7621040482738388,
  "fwhm_x": 1.7235433333333334,
  "fwhm_y": 1.9288566666666667,
  "fwhm_z": 1.633912144821516,
  "gcor": 0.0266757,
  "gsr_x": -0.013545858673751354,
  "gsr_y": 0.018780285492539406,
  "provenance": {
    "md5sum": "de1b8a09bafc100daf4423134003c3df",
    "settings": {
      "fd_thres": 0.2,
      "testing": false
    },
    "software": "mriqc",
    "version": "22.0.0rc1",
    "webapi_port": null,
    "webapi_url": "https://mriqc.nimh.nih.gov/api/v1"
  },
  "size_t": 479,
  "size_x": 80,
  "size_y": 80,
  "size_z": 36,
  "snr": 6.411654642159741,
  "spacing_tr": 0.75,
  "spacing_x": 3.0,
  "spacing_y": 3.0,
  "spacing_z": 3.299999952316284,
  "summary_bg_k": 22.735954265671577,
  "summary_bg_mad": 57.99719714536247,
  "summary_bg_mean": 564.3362426757812,
  "summary_bg_median": 49.23419189453125,
  "summary_bg_n": 153323.0,
  "summary_bg_p05": 5.031699562072754,
  "summary_bg_p95": 3084.4311523437495,
  "summary_bg_stdv": 1314.9287109375,
  "summary_fg_k": 1.4842656373060308,
  "summary_fg_mad": 2424.9646033253416,
  "summary_fg_mean": 17624.68359375,
  "summary_fg_median": 17382.41796875,
  "summary_fg_n": 36834.0,
  "summary_fg_p05": 13743.983740234375,
  "summary_fg_p95": 22366.476660156248,
  "summary_fg_stdv": 2711.029052734375,
  "tsnr": 37.28417205810547
}