{
  "aor": 0.0030019,
  "aqi": 0.007510961899999999,
  "bids_meta": {
    "AcquisitionNumber": 9,
    "BidsifyVersion": "0.3.5",
    "ConversionSoftware": "dcm2niix",
    "ConversionSoftwareVersion": "v1.0.20181125  GCC6.3.0",
    "EchoTime": 0.02762,
    "EffectiveEchoSpacing": 0.0006621159151938905,
    "ImageComments": "piop",
    "ImageOrientationPatientDICOM": [
      0.987683,
      0.15587,
      -0.0136349,
      -0.155727,
      0.970826,
      -0.182337
    ],
    "Manufacturer": "Philips",
    "NumberOfVolumesDiscardedByScanner": 2,
    "ParallelAcquisitionTechnique": "SENSE",
    "ParallelReductionFactorInPlane": 2,
    "PatientPosition": "HFS",
    "PhaseEncodingDirection": "j",
    "PhilipsRescaleIntercept": 0,
    "PhilipsRescaleSlope": 0.74579,
    "PhilipsScaleSlope": 0.0612689,
    "ProtocolName": "WIPpiopanticipatieSENSE",
    "PulseSequenceType": "gradient echo EPI",
    "ReconMatrixPE": 80,
    "RepetitionTime": 2,
    "SeriesDescription": "ImageMRSERIES",
    "SeriesNumber": 9,
    "SliceEncodingDirection": "k",
    "SliceTiming": [
      0.0,
      0.0541,
      0.1081,
      0.1622,
      0.2162,
      0.2703,
      0.3243,
      0.3784,
      0.4324,
      0.4865,
      0.5405,
      0.5946,
      0.6486,
      0.7027,
      0.7568,
      0.8108,
      0.8649,
      0.9189,
      0.973,
      1.027,
      1.0811,
      1.1351,
      1.1892,
      1.2432,
      1.2973,
      1.3514,
      1.4054,
      1.4595,
      1.5135,
      1.5676,
      1.6216,
      1.6757,
      1.7297,
      1.7838,
      1.8378,
      1.8919,
      1.9459
    ],
    "TaskName": "anticipation",
    "TotalReadoutTime": 0.025822520692561732,
    "UsePhilipsFloatNotDisplayScaling": 1,
    "acq_id": "seq",
    "dataset": "ds002785",
    "modality": "bold",
    "subject_id": "0167",
    "task_id": "anticipation"
  },
  "dummy_trs": 0,
  "dvars_nstd": 29.913970257085424,
  "dvars_std": 1.272451052562814,
  "dvars_vstd": 1.0169108973366832,
  "efc": 0.449353332278997,
  "fber": 127881.3828125,
  "fd_mean": 0.2921011230445212,
  "fd_num": 131,
  "fd_perc": 65.5,
  "fwhm_avg": 1.856327584454023,
  "fwhm_x": 1.7979466666666666,
  "fwhm_y": 1.9654966666666667,
  "fwhm_z": 1.805539420028736,
  "gcor": 0.0531512,
  "gsr_x": -0.012746885418891907,
  "gsr_y": 0.015291200019419193,
  "provenance": {
    "md5sum": "082efd8beeeaa2dbb4c4c6b93e273c89",
    "settings": {
      "fd_thres": 0.2,
      "testing": false
    },
    "software": "mriqc",
    "version": "22.0.0rc1",
    "webapi_port": null,
    "webapi_url": "https://mriqc.nimh.nih.gov/api/v1"
  },
  "size_t": 200,
  "size_x": 80,
  "size_y": 80,
  "size_z": 37,
  "snr": 4.846730200751852,
  "spacing_tr": 2.0,
  "spacing_x": 3.0,
  "spacing_y": 3.0,
  "spacing_z": 3.299999952316284,
  "summary_bg_k": 25.65743630398585,
  "summary_bg_mad": 70.81306672076235,
  "summary_bg_mean": 706.549072265625,
  "summary_bg_median": 63.20170211791992,
  "summary_bg_n": 156945.0,
  "summary_bg_p05": 6.0732234954834,
  "summary_bg_p95": 4112.11552734375,
  "summary_bg_stdv": 1717.765380859375,
  "summary_fg_k": 1.963630992641006,
  "summary_fg_mad": 4217.091163799161,
  "summary_fg_mean": 23717.744140625,
  "summary_fg_median": 23100.173828125,
  "summary_fg_n": 38457.0,
  "summary_fg_p05": 17307.21015625,
  "summary_fg_p95": 32276.600781249992,
  "summary_fg_stdv": 4766.07373046875,
  "tsnr": 56.90376663208008
}