{
  "aor": 0.005910090909090909,
  "aqi": 0.012135098818181818,
  "bids_meta": {
    "AcquisitionNumber": 2,
    "BidsifyVersion": "0.3.5",
    "ConversionSoftware": "dcm2niix",
    "ConversionSoftwareVersion": "v1.0.20181125  GCC6.3.0",
    "EchoTime": 0.02762,
    "EffectiveEchoSpacing": 0.0006333282667071997,
    "ImageComments": "piop",
    "ImageOrientationPatientDICOM": [
      0.987957,
      0.154476,
      -0.00879912,
      -0.15471,
      0.987086,
      -0.0415376
    ],
    "Manufacturer": "Philips",
    "NumberOfVolumesDiscardedByScanner": 2,
    "ParallelAcquisitionTechnique": "SENSE",
    "ParallelReductionFactorInPlane": 2,
    "PatientPosition": "HFS",
    "PhaseEncodingDirection": "j",
    "PhilipsRescaleIntercept": 0,
    "PhilipsRescaleSlope": 0.79292,
    "PhilipsScaleSlope": 0.0853724,
    "ProtocolName": "WIPpiopfacesSENSE",
    "PulseSequenceType": "gradient echo EPI",
    "ReconMatrixPE": 80,
    "RepetitionTime": 0.75,
    "SeriesDescription": "ImageMRSERIES",
    "SeriesNumber": 2,
    "SliceEncodingDirection": "k",
    "SliceTiming": [
      0.0,
      0.06755050505050506,
      0.1351010101010101,
      0.20265151515151517,
      0.2702020202020202,
      0.3377525252525253,
      0.40530303030303033,
      0.47285353535353536,
      0.5404040404040404,
      0.6079545454545455,
      0.6755050505050506,
      0.7430555555555556,
      0.0,
      0.06755050505050506,
      0.1351010101010101,
      0.20265151515151517,
      0.2702020202020202,
      0.3377525252525253,
      0.40530303030303033,
      0.47285353535353536,
      0.5404040404040404,
      0.6079545454545455,
      0.6755050505050506,
      0.7430555555555556,
      0.0,
      0.06755050505050506,
      0.1351010101010101,
      0.20265151515151517,
      0.2702020202020202,
      0.3377525252525253,
      0.40530303030303033,
      0.47285353535353536,
      0.5404040404040404,
      0.6079545454545455,
      0.6755050505050506,
      0.7430555555555556
    ],
    "TaskName": "faces",
    "TotalReadoutTime": 0.024699802401580786,
    "UsePhilipsFloatNotDisplayScaling": 1,
    "acq_id": "mb3",
    "dataset": "ds002785",
    "modality": "bold",
    "subject_id": "0167",
    "task_id": "faces"
  },
  "dummy_trs": 0,
  "dvars_nstd": 26.196142341641334,
  "dvars_std": 1.170412841458966,
  "dvars_vstd": 1.0759170227659574,
  "efc": 0.4505482856555682,
  "fber": 145819.203125,
  "fd_mean": 0.15789352448861083,
  "fd_num": 57,
  "fd_perc": 17.272727272727273,
  "fwhm_avg": 1.961290356640028,
  "fwhm_x": 1.9169133333333335,
  "fwhm_y": 2.1119,
  "fwhm_z": 1.8550577365867502,
  "gcor": 0.0210529,
  "gsr_x": -0.012157079763710499,
  "gsr_y": 0.01869973912835121,
  "provenance": {
    "md5sum": "ecb8838e57d554e224dc167c80c8d99a",
    "settings": {
      "fd_thres": 0.2,
      "testing": false
    },
    "software": "mriqc",
    "version": "22.0.0rc1",
    "webapi_port": null,
    "webapi_url": "https://mriqc.nimh.nih.gov/api/v1"
  },
  "size_t": 330,
  "size_x": 80,
  "size_y": 80,
  "size_z": 36,
  "snr": 6.721191810148596,
  "spacing_tr": 0.75,
  "spacing_x": 3.0,
  "spacing_y": 3.0,
  "spacing_z": 3.299999713897705,
  "summary_bg_k": 21.092833475354432,
  "summary_bg_mad": 56.97468296940172,
  "summary_bg_mean": 548.9346923828125,
  "summary_bg_median": 47.25328826904297,
  "summary_bg_n": 154075.0,
  "summary_bg_p05": 3.9784641742706306,
  "summary_bg_p95": 2967.348583984373,
  "summary_bg_stdv": 1260.7515869140625,
  "summary_fg_k": 1.2196027436362638,
  "summary_fg_mad": 2452.571554303228,
  "summary_fg_mean": 18303.34375,
  "summary_fg_median": 18094.25,
  "summary_fg_n": 36384.0,
  "summary_fg_p05": 14368.222705078126,
  "summary_fg_p95": 23009.521875,
  "summary_fg_stdv": 2692.082275390625,
  "tsnr": 50.29243469238281
}