{
  "aor": 0.001769714285714285,
  "aqi": 0.010943420204081632,
  "bids_meta": {
    "AcquisitionNumber": 3,
    "BidsifyVersion": "0.3.5",
    "ConversionSoftware": "dcm2niix",
    "ConversionSoftwareVersion": "v1.0.20181125  GCC6.3.0",
    "EchoTime": 0.02762,
    "EffectiveEchoSpacing": 0.0006621159151938905,
    "ImageComments": "piop",
    "ImageOrientationPatientDICOM": [
      0.987683,
      0.15587,
      -0.0136349,
      -0.155727,
      0.970826,
      -0.182337
    ],
    "Manufacturer": "Philips",
    "NumberOfVolumesDiscardedByScanner": 2,
    "ParallelAcquisitionTechnique": "SENSE",
    "ParallelReductionFactorInPlane": 2,
    "PatientPosition": "HFS",
    "PhaseEncodingDirection": "j",
    "PhilipsRescaleIntercept": 0,
    "PhilipsRescaleSlope": 0.75702,
    "PhilipsScaleSlope": 0.0599915,
    "ProtocolName": "WIPpiopgstroopSENSE",
    "PulseSequenceType": "gradient echo EPI",
    "ReconMatrixPE": 80,
    "RepetitionTime": 2,
    "SeriesDescription": "ImageMRSERIES",
    "SeriesNumber": 3,
    "SliceEncodingDirection": "k",
    "SliceTiming": [
      0.0,
      0.0541,
      0.1081,
      0.1622,
      0.2162,
      0.2703,
      0.3243,
      0.3784,
      0.4324,
      0.4865,
      0.5405,
      0.5946,
      0.6486,
      0.7027,
      0.7568,
      0.8108,
      0.8649,
      0.9189,
      0.973,
      1.027,
      1.0811,
      1.1351,
      1.1892,
      1.2432,
      1.2973,
      1.3514,
      1.4054,
      1.4595,
      1.5135,
      1.5676,
      1.6216,
      1.6757,
      1.7297,
      1.7838,
      1.8378,
      1.8919,
      1.9459
    ],
    "TaskName": "gstroop",
    "TotalReadoutTime": 0.025822520692561732,
    "UsePhilipsFloatNotDisplayScaling": 1,
    "acq_id": "seq",
    "dataset": "ds002785",
    "modality": "bold",
    "subject_id": "0167",
    "task_id": "gstroop"
  },
  "dummy_trs": 0,
  "dvars_nstd": 24.64366414110656,
  "dvars_std": 1.1765783445491802,
  "dvars_vstd": 0.9601092273360661,
  "efc": 0.4459412782940988,
  "fber": 123051.09375,
  "fd_mean": 0.20455941949644563,
  "fd_num": 105,
  "fd_perc": 42.857142857142854,
  "fwhm_avg": 1.8152298062515875,
  "fwhm_x": 1.77036,
  "fwhm_y": 1.9579566666666668,
  "fwhm_z": 1.7173727520880953,
  "gcor": 0.0118566,
  "gsr_x": -0.011091033928096294,
  "gsr_y": 0.015229340642690659,
  "provenance": {
    "md5sum": "e667eb8d9ab271f6987ab88fd49cd20b",
    "settings": {
      "fd_thres": 0.2,
      "testing": false
    },
    "software": "mriqc",
    "version": "22.0.0rc1",
    "webapi_port": null,
    "webapi_url": "https://mriqc.nimh.nih.gov/api/v1"
  },
  "size_t": 245,
  "size_x": 80,
  "size_y": 80,
  "size_z": 37,
  "snr": 4.92130899287465,
  "spacing_tr": 2.0,
  "spacing_x": 3.0,
  "spacing_y": 3.0,
  "spacing_z": 3.299999952316284,
  "summary_bg_k": 26.8477258385612,
  "summary_bg_mad": 74.81471244235809,
  "summary_bg_mean": 691.1218872070312,
  "summary_bg_median": 65.36785888671875,
  "summary_bg_n": 157589.0,
  "summary_bg_p05": 6.430380344390869,
  "summary_bg_p95": 3955.0135742187576,
  "summary_bg_stdv": 1690.056884765625,
  "summary_fg_k": 2.117225665736248,
  "summary_fg_mad": 4198.3964764501925,
  "summary_fg_mean": 24122.712890625,
  "summary_fg_median": 23471.04296875,
  "summary_fg_n": 38013.0,
  "summary_fg_p05": 17847.869140625,
  "summary_fg_p95": 32740.4421875,
  "summary_fg_stdv": 4769.20556640625,
  "tsnr": 55.056392669677734
}