{
  "aor": 0.0004380816326530613,
  "aqi": 0.002308356734693877,
  "bids_meta": {
    "AcquisitionNumber": 3,
    "BidsifyVersion": "0.3.5",
    "ConversionSoftware": "dcm2niix",
    "ConversionSoftwareVersion": "v1.0.20181125  GCC6.3.0",
    "EchoTime": 0.02762,
    "EffectiveEchoSpacing": 0.0006621159151938905,
    "ImageComments": "Piop",
    "ImageOrientationPatientDICOM": [
      0.999802,
      0.00932127,
      -0.0175807,
      -0.0148335,
      0.938035,
      -0.346222
    ],
    "Manufacturer": "Philips",
    "NumberOfVolumesDiscardedByScanner": 2,
    "ParallelAcquisitionTechnique": "SENSE",
    "ParallelReductionFactorInPlane": 2,
    "PatientPosition": "HFS",
    "PhaseEncodingDirection": "j",
    "PhilipsRescaleIntercept": 0,
    "PhilipsRescaleSlope": 0.74115,
    "PhilipsScaleSlope": 0.0632354,
    "ProtocolName": "WIPpiopgstroopSENSE",
    "PulseSequenceType": "gradient echo EPI",
    "ReconMatrixPE": 80,
    "RepetitionTime": 2,
    "SeriesDescription": "ImageMRSERIES",
    "SeriesNumber": 3,
    "SliceEncodingDirection": "k",
    "SliceTiming": [
      0.0,
      0.0541,
      0.1081,
      0.1622,
      0.2162,
      0.2703,
      0.3243,
      0.3784,
      0.4324,
      0.4865,
      0.5405,
      0.5946,
      0.6486,
      0.7027,
      0.7568,
      0.8108,
      0.8649,
      0.9189,
      0.973,
      1.027,
      1.0811,
      1.1351,
      1.1892,
      1.2432,
      1.2973,
      1.3514,
      1.4054,
      1.4595,
      1.5135,
      1.5676,
      1.6216,
      1.6757,
      1.7297,
      1.7838,
      1.8378,
      1.8919,
      1.9459
    ],
    "TaskName": "gstroop",
    "TotalReadoutTime": 0.025822520692561732,
    "UsePhilipsFloatNotDisplayScaling": 1,
    "acq_id": "seq",
    "dataset": "ds002785",
    "modality": "bold",
    "subject_id": "0056",
    "task_id": "gstroop"
  },
  "dummy_trs": 0,
  "dvars_nstd": 16.392431540696716,
  "dvars_std": 1.0985781223770494,
  "dvars_vstd": 0.9974742225,
  "efc": 0.41985437599019704,
  "fber": 157144.78125,
  "fd_mean": 0.0917919413338863,
  "fd_num": 1,
  "fd_perc": 0.40816326530612246,
  "fwhm_avg": 1.8159048569097163,
  "fwhm_x": 1.7473266666666667,
  "fwhm_y": 1.9512333333333334,
  "fwhm_z": 1.7491545707291485,
  "gcor": 0.021151,
  "gsr_x": -0.025990910828113556,
  "gsr_y": 0.016212809830904007,
  "provenance": {
    "md5sum": "4e278e00d75d76d576b16568edf9ea04",
    "settings": {
      "fd_thres": 0.2,
      "testing": false
    },
    "software": "mriqc",
    "version": "22.0.0rc1",
    "webapi_port": null,
    "webapi_url": "https://mriqc.nimh.nih.gov/api/v1"
  },
  "size_t": 245,
  "size_x": 80,
  "size_y": 80,
  "size_z": 37,
  "snr": 5.091435325547763,
  "spacing_tr": 2.0,
  "spacing_x": 3.0,
  "spacing_y": 3.0,
  "spacing_z": 3.299999952316284,
  "summary_bg_k": 62.96162120476234,
  "summary_bg_mad": 57.75829845223661,
  "summary_bg_mean": 457.0136413574219,
  "summary_bg_median": 57.65815353393555,
  "summary_bg_n": 160103.0,
  "summary_bg_p05": 6.963209390640261,
  "summary_bg_p95": 2233.2435302734375,
  "summary_bg_stdv": 1337.227783203125,
  "summary_fg_k": 1.802965566973831,
  "summary_fg_mad": 4189.691979831388,
  "summary_fg_mean": 24099.625,
  "summary_fg_median": 23621.302734375,
  "summary_fg_n": 35063.0,
  "summary_fg_p05": 17393.4076171875,
  "summary_fg_p95": 31865.0525390625,
  "summary_fg_stdv": 4639.35302734375,
  "tsnr": 93.67513275146484
}