{
  "aor": 0.001328,
  "aqi": 0.0020683265185185186,
  "bids_meta": {
    "AcquisitionNumber": 5,
    "BidsifyVersion": "0.3.5",
    "ConversionSoftware": "dcm2niix",
    "ConversionSoftwareVersion": "v1.0.20181125  GCC6.3.0",
    "EchoTime": 0.02762,
    "EffectiveEchoSpacing": 0.0006621159151938905,
    "ImageComments": "Piop",
    "ImageOrientationPatientDICOM": [
      0.999802,
      0.00932127,
      -0.0175807,
      -0.0148335,
      0.938035,
      -0.346222
    ],
    "Manufacturer": "Philips",
    "NumberOfVolumesDiscardedByScanner": 2,
    "ParallelAcquisitionTechnique": "SENSE",
    "ParallelReductionFactorInPlane": 2,
    "PatientPosition": "HFS",
    "PhaseEncodingDirection": "j",
    "PhilipsRescaleIntercept": 0,
    "PhilipsRescaleSlope": 0.78217,
    "PhilipsScaleSlope": 0.0614098,
    "ProtocolName": "WIPpiopharririSENSE",
    "PulseSequenceType": "gradient echo EPI",
    "ReconMatrixPE": 80,
    "RepetitionTime": 2,
    "SeriesDescription": "ImageMRSERIES",
    "SeriesNumber": 5,
    "SliceEncodingDirection": "k",
    "SliceTiming": [
      0.0,
      0.0541,
      0.1081,
      0.1622,
      0.2162,
      0.2703,
      0.3243,
      0.3784,
      0.4324,
      0.4865,
      0.5405,
      0.5946,
      0.6486,
      0.7027,
      0.7568,
      0.8108,
      0.8649,
      0.9189,
      0.973,
      1.027,
      1.0811,
      1.1351,
      1.1892,
      1.2432,
      1.2973,
      1.3514,
      1.4054,
      1.4595,
      1.5135,
      1.5676,
      1.6216,
      1.6757,
      1.7297,
      1.7838,
      1.8378,
      1.8919,
      1.9459
    ],
    "TaskName": "emomatching",
    "TotalReadoutTime": 0.025822520692561732,
    "UsePhilipsFloatNotDisplayScaling": 1,
    "acq_id": "seq",
    "dataset": "ds002785",
    "modality": "bold",
    "subject_id": "0056",
    "task_id": "emomatching"
  },
  "dummy_trs": 0,
  "dvars_nstd": 16.446943048358207,
  "dvars_std": 1.1172458679104478,
  "dvars_vstd": 1.0161126791791044,
  "efc": 0.4197336419593867,
  "fber": 157312.828125,
  "fd_mean": 0.09089460999173749,
  "fd_num": 1,
  "fd_perc": 0.7407407407407407,
  "fwhm_avg": 1.8594044530824219,
  "fwhm_x": 1.7990199999999998,
  "fwhm_y": 1.9857933333333333,
  "fwhm_z": 1.7934000259139324,
  "gcor": 0.0160647,
  "gsr_x": -0.026141297072172165,
  "gsr_y": 0.016654962673783302,
  "provenance": {
    "md5sum": "04a8b6e4bc009302f8b07a04aef11c37",
    "settings": {
      "fd_thres": 0.2,
      "testing": false
    },
    "software": "mriqc",
    "version": "22.0.0rc1",
    "webapi_port": null,
    "webapi_url": "https://mriqc.nimh.nih.gov/api/v1"
  },
  "size_t": 135,
  "size_x": 80,
  "size_y": 80,
  "size_z": 37,
  "snr": 4.915406833575656,
  "spacing_tr": 2.0,
  "spacing_x": 3.0,
  "spacing_y": 3.0,
  "spacing_z": 3.299999952316284,
  "summary_bg_k": 58.442111716364316,
  "summary_bg_mad": 58.56840371984981,
  "summary_bg_mean": 461.41290283203125,
  "summary_bg_median": 57.82200241088867,
  "summary_bg_n": 160092.0,
  "summary_bg_p05": 6.720658373832703,
  "summary_bg_p95": 2282.942187499987,
  "summary_bg_stdv": 1335.0150146484375,
  "summary_fg_k": 1.5874462396611433,
  "summary_fg_mad": 4381.383469991043,
  "summary_fg_mean": 24187.208984375,
  "summary_fg_median": 23701.83203125,
  "summary_fg_n": 35072.0,
  "summary_fg_p05": 17205.06904296875,
  "summary_fg_p95": 32321.839648437497,
  "summary_fg_stdv": 4821.87841796875,
  "tsnr": 97.1226577758789
}