{
  "aor": 0.0008970987654320987,
  "aqi": 0.002272471851851852,
  "bids_meta": {
    "AcquisitionNumber": 8,
    "BidsifyVersion": "0.3.5",
    "ConversionSoftware": "dcm2niix",
    "ConversionSoftwareVersion": "v1.0.20181125  GCC6.3.0",
    "EchoTime": 0.02762,
    "EffectiveEchoSpacing": 0.0006621159151938905,
    "ImageComments": "Piop",
    "ImageOrientationPatientDICOM": [
      0.999802,
      0.00932127,
      -0.0175807,
      -0.0148335,
      0.938035,
      -0.346222
    ],
    "Manufacturer": "Philips",
    "NumberOfVolumesDiscardedByScanner": 2,
    "ParallelAcquisitionTechnique": "SENSE",
    "ParallelReductionFactorInPlane": 2,
    "PatientPosition": "HFS",
    "PhaseEncodingDirection": "j",
    "PhilipsRescaleIntercept": 0,
    "PhilipsRescaleSlope": 0.76459,
    "PhilipsScaleSlope": 0.0630456,
    "ProtocolName": "WIPpiopwmSENSE",
    "PulseSequenceType": "gradient echo EPI",
    "ReconMatrixPE": 80,
    "RepetitionTime": 2,
    "SeriesDescription": "ImageMRSERIES",
    "SeriesNumber": 8,
    "SliceEncodingDirection": "k",
    "SliceTiming": [
      0.0,
      0.0541,
      0.1081,
      0.1622,
      0.2162,
      0.2703,
      0.3243,
      0.3784,
      0.4324,
      0.4865,
      0.5405,
      0.5946,
      0.6486,
      0.7027,
      0.7568,
      0.8108,
      0.8649,
      0.9189,
      0.973,
      1.027,
      1.0811,
      1.1351,
      1.1892,
      1.2432,
      1.2973,
      1.3514,
      1.4054,
      1.4595,
      1.5135,
      1.5676,
      1.6216,
      1.6757,
      1.7297,
      1.7838,
      1.8378,
      1.8919,
      1.9459
    ],
    "TaskName": "workingmemory",
    "TotalReadoutTime": 0.025822520692561732,
    "UsePhilipsFloatNotDisplayScaling": 1,
    "acq_id": "seq",
    "dataset": "ds002785",
    "modality": "bold",
    "subject_id": "0056",
    "task_id": "workingmemory"
  },
  "dummy_trs": 0,
  "dvars_nstd": 16.520440338571426,
  "dvars_std": 1.1213922136645964,
  "dvars_vstd": 1.0195448777018632,
  "efc": 0.4202642959987676,
  "fber": 155421.21875,
  "fd_mean": 0.093131792248443,
  "fd_num": 5,
  "fd_perc": 3.0864197530864197,
  "fwhm_avg": 1.8432005136089364,
  "fwhm_x": 1.78198,
  "fwhm_y": 1.9707366666666666,
  "fwhm_z": 1.7768848741601433,
  "gcor": 0.022424,
  "gsr_x": -0.026431288570165634,
  "gsr_y": 0.016367271542549133,
  "provenance": {
    "md5sum": "5ded9174eb15ae10a513f972f2f072ea",
    "settings": {
      "fd_thres": 0.2,
      "testing": false
    },
    "software": "mriqc",
    "version": "22.0.0rc1",
    "webapi_port": null,
    "webapi_url": "https://mriqc.nimh.nih.gov/api/v1"
  },
  "size_t": 162,
  "size_x": 80,
  "size_y": 80,
  "size_z": 37,
  "snr": 4.988469433464179,
  "spacing_tr": 2.0,
  "spacing_x": 3.0,
  "spacing_y": 3.0,
  "spacing_z": 3.299999952316284,
  "summary_bg_k": 57.39397769506351,
  "summary_bg_mad": 58.01456007875333,
  "summary_bg_mean": 464.40728759765625,
  "summary_bg_median": 57.413570404052734,
  "summary_bg_n": 160183.0,
  "summary_bg_p05": 6.9029176235198975,
  "summary_bg_p95": 2302.9186767578094,
  "summary_bg_stdv": 1339.799560546875,
  "summary_fg_k": 1.6705545314536163,
  "summary_fg_mad": 4246.918398470483,
  "summary_fg_mean": 23810.021484375,
  "summary_fg_median": 23338.734375,
  "summary_fg_n": 34982.0,
  "summary_fg_p05": 17063.4037109375,
  "summary_fg_p95": 31678.744531249995,
  "summary_fg_stdv": 4678.46923828125,
  "tsnr": 93.48448181152344
}