{
  "aor": 0.0002956969696969697,
  "aqi": 0.00961578603030303,
  "bids_meta": {
    "AcquisitionNumber": 2,
    "BidsifyVersion": "0.3.5",
    "ConversionSoftware": "dcm2niix",
    "ConversionSoftwareVersion": "v1.0.20181125  GCC6.3.0",
    "EchoTime": 0.02762,
    "EffectiveEchoSpacing": 0.0006333282667071997,
    "ImageComments": "PIOP",
    "ImageOrientationPatientDICOM": [
      0.999371,
      0.0350804,
      -0.00518931,
      -0.0350734,
      0.956171,
      -0.290699
    ],
    "Manufacturer": "Philips",
    "NumberOfVolumesDiscardedByScanner": 2,
    "ParallelAcquisitionTechnique": "SENSE",
    "ParallelReductionFactorInPlane": 2,
    "PatientPosition": "HFS",
    "PhaseEncodingDirection": "j",
    "PhilipsRescaleIntercept": 0,
    "PhilipsRescaleSlope": 0.75311,
    "PhilipsScaleSlope": 0.0925034,
    "ProtocolName": "WIPpiopfacesSENSE",
    "PulseSequenceType": "gradient echo EPI",
    "ReconMatrixPE": 80,
    "RepetitionTime": 0.75,
    "SeriesDescription": "ImageMRSERIES",
    "SeriesNumber": 2,
    "SliceEncodingDirection": "k",
    "SliceTiming": [
      0.0,
      0.06755050505050506,
      0.1351010101010101,
      0.20265151515151517,
      0.2702020202020202,
      0.3377525252525253,
      0.40530303030303033,
      0.47285353535353536,
      0.5404040404040404,
      0.6079545454545455,
      0.6755050505050506,
      0.7430555555555556,
      0.0,
      0.06755050505050506,
      0.1351010101010101,
      0.20265151515151517,
      0.2702020202020202,
      0.3377525252525253,
      0.40530303030303033,
      0.47285353535353536,
      0.5404040404040404,
      0.6079545454545455,
      0.6755050505050506,
      0.7430555555555556,
      0.0,
      0.06755050505050506,
      0.1351010101010101,
      0.20265151515151517,
      0.2702020202020202,
      0.3377525252525253,
      0.40530303030303033,
      0.47285353535353536,
      0.5404040404040404,
      0.6079545454545455,
      0.6755050505050506,
      0.7430555555555556
    ],
    "TaskName": "faces",
    "TotalReadoutTime": 0.024699802401580786,
    "UsePhilipsFloatNotDisplayScaling": 1,
    "acq_id": "mb3",
    "dataset": "ds002785",
    "modality": "bold",
    "subject_id": "0020",
    "task_id": "faces"
  },
  "dummy_trs": 0,
  "dvars_nstd": 29.219984605349538,
  "dvars_std": 1.2151434141033421,
  "dvars_vstd": 0.9938846378419453,
  "efc": 0.4419763503349441,
  "fber": 170933.609375,
  "fd_mean": 0.09651194672398157,
  "fd_num": 5,
  "fd_perc": 1.5151515151515151,
  "fwhm_avg": 1.9282713657055701,
  "fwhm_x": 1.9096233333333332,
  "fwhm_y": 2.055963333333333,
  "fwhm_z": 1.8192274304500433,
  "gcor": 0.037942,
  "gsr_x": -0.01671971008181572,
  "gsr_y": 0.011962143704295158,
  "provenance": {
    "md5sum": "24f68088f052954435d1d2af189bcd0c",
    "settings": {
      "fd_thres": 0.2,
      "testing": false
    },
    "software": "mriqc",
    "version": "22.0.0rc1",
    "webapi_port": null,
    "webapi_url": "https://mriqc.nimh.nih.gov/api/v1"
  },
  "size_t": 330,
  "size_x": 80,
  "size_y": 80,
  "size_z": 36,
  "snr": 6.781832879081459,
  "spacing_tr": 0.75,
  "spacing_x": 3.0,
  "spacing_y": 3.0,
  "spacing_z": 3.299999713897705,
  "summary_bg_k": 49.92863379065982,
  "summary_bg_mad": 48.15086849856254,
  "summary_bg_mean": 421.0462341308594,
  "summary_bg_median": 43.55548095703125,
  "summary_bg_n": 152461.0,
  "summary_bg_p05": 2.485257625579834,
  "summary_bg_p95": 1982.779541015625,
  "summary_bg_stdv": 1224.7642822265625,
  "summary_fg_k": 1.5585209660332087,
  "summary_fg_mad": 2402.4497539123813,
  "summary_fg_mean": 18374.59765625,
  "summary_fg_median": 18245.984375,
  "summary_fg_n": 37060.0,
  "summary_fg_p05": 14300.010986328125,
  "summary_fg_p95": 22883.209960937496,
  "summary_fg_stdv": 2690.384521484375,
  "tsnr": 55.80247116088867
}