{
  "aor": 0.0021515,
  "aqi": 0.008166800699999999,
  "bids_meta": {
    "AcquisitionNumber": 9,
    "BidsifyVersion": "0.3.5",
    "ConversionSoftware": "dcm2niix",
    "ConversionSoftwareVersion": "v1.0.20181125  GCC6.3.0",
    "EchoTime": 0.02762,
    "EffectiveEchoSpacing": 0.0006621159151938905,
    "ImageComments": "PIOP",
    "ImageOrientationPatientDICOM": [
      0.999371,
      0.0350804,
      -0.00518931,
      -0.0350734,
      0.956171,
      -0.290699
    ],
    "Manufacturer": "Philips",
    "NumberOfVolumesDiscardedByScanner": 2,
    "ParallelAcquisitionTechnique": "SENSE",
    "ParallelReductionFactorInPlane": 2,
    "PatientPosition": "HFS",
    "PhaseEncodingDirection": "j",
    "PhilipsRescaleIntercept": 0,
    "PhilipsRescaleSlope": 0.78974,
    "PhilipsScaleSlope": 0.0568269,
    "ProtocolName": "WIPpiopanticipatieSENSE",
    "PulseSequenceType": "gradient echo EPI",
    "ReconMatrixPE": 80,
    "RepetitionTime": 2,
    "SeriesDescription": "ImageMRSERIES",
    "SeriesNumber": 9,
    "SliceEncodingDirection": "k",
    "SliceTiming": [
      0.0,
      0.0541,
      0.1081,
      0.1622,
      0.2162,
      0.2703,
      0.3243,
      0.3784,
      0.4324,
      0.4865,
      0.5405,
      0.5946,
      0.6486,
      0.7027,
      0.7568,
      0.8108,
      0.8649,
      0.9189,
      0.973,
      1.027,
      1.0811,
      1.1351,
      1.1892,
      1.2432,
      1.2973,
      1.3514,
      1.4054,
      1.4595,
      1.5135,
      1.5676,
      1.6216,
      1.6757,
      1.7297,
      1.7838,
      1.8378,
      1.8919,
      1.9459
    ],
    "TaskName": "anticipation",
    "TotalReadoutTime": 0.025822520692561732,
    "UsePhilipsFloatNotDisplayScaling": 1,
    "acq_id": "seq",
    "dataset": "ds002785",
    "modality": "bold",
    "subject_id": "0020",
    "task_id": "anticipation"
  },
  "dummy_trs": 0,
  "dvars_nstd": 26.68167212954774,
  "dvars_std": 1.3415212446733666,
  "dvars_vstd": 0.9830350230150756,
  "efc": 0.43548927081219335,
  "fber": 172408.359375,
  "fd_mean": 0.12992273833735343,
  "fd_num": 24,
  "fd_perc": 12.0,
  "fwhm_avg": 1.7414976850823187,
  "fwhm_x": 1.68305,
  "fwhm_y": 1.8151733333333333,
  "fwhm_z": 1.7262697219136227,
  "gcor": 0.0105919,
  "gsr_x": -0.014875051565468311,
  "gsr_y": 0.012304284609854221,
  "provenance": {
    "md5sum": "40e0164ab517cd9c6045943b62f76ae9",
    "settings": {
      "fd_thres": 0.2,
      "testing": false
    },
    "software": "mriqc",
    "version": "22.0.0rc1",
    "webapi_port": null,
    "webapi_url": "https://mriqc.nimh.nih.gov/api/v1"
  },
  "size_t": 200,
  "size_x": 80,
  "size_y": 80,
  "size_z": 37,
  "snr": 5.378353710512696,
  "spacing_tr": 2.0,
  "spacing_x": 3.0,
  "spacing_y": 3.0,
  "spacing_z": 3.299999952316284,
  "summary_bg_k": 65.618499247535,
  "summary_bg_mad": 61.066895900722024,
  "summary_bg_mean": 561.3331298828125,
  "summary_bg_median": 56.88692855834961,
  "summary_bg_n": 157315.0,
  "summary_bg_p05": 3.8608784914016736,
  "summary_bg_p95": 2657.8735595703106,
  "summary_bg_stdv": 1758.0972900390625,
  "summary_fg_k": 2.3571376008130853,
  "summary_fg_mad": 3844.126938913804,
  "summary_fg_mean": 24427.443359375,
  "summary_fg_median": 23908.04296875,
  "summary_fg_n": 37912.0,
  "summary_fg_p05": 18304.57294921875,
  "summary_fg_p95": 32102.9955078125,
  "summary_fg_stdv": 4445.17578125,
  "tsnr": 63.26206588745117
}