{
  "aor": 0.004689074074074075,
  "aqi": 0.027133338271604936,
  "bids_meta": {
    "AcquisitionNumber": 8,
    "BidsifyVersion": "0.3.5",
    "ConversionSoftware": "dcm2niix",
    "ConversionSoftwareVersion": "v1.0.20181125  GCC6.3.0",
    "EchoTime": 0.02762,
    "EffectiveEchoSpacing": 0.0006621159151938905,
    "ImageComments": "PIOP",
    "ImageOrientationPatientDICOM": [
      0.999371,
      0.0350804,
      -0.00518931,
      -0.0350734,
      0.956171,
      -0.290699
    ],
    "Manufacturer": "Philips",
    "NumberOfVolumesDiscardedByScanner": 2,
    "ParallelAcquisitionTechnique": "SENSE",
    "ParallelReductionFactorInPlane": 2,
    "PatientPosition": "HFS",
    "PhaseEncodingDirection": "j",
    "PhilipsRescaleIntercept": 0,
    "PhilipsRescaleSlope": 0.77973,
    "PhilipsScaleSlope": 0.0589441,
    "ProtocolName": "WIPpiopwmSENSE",
    "PulseSequenceType": "gradient echo EPI",
    "ReconMatrixPE": 80,
    "RepetitionTime": 2,
    "SeriesDescription": "ImageMRSERIES",
    "SeriesNumber": 8,
    "SliceEncodingDirection": "k",
    "SliceTiming": [
      0.0,
      0.0541,
      0.1081,
      0.1622,
      0.2162,
      0.2703,
      0.3243,
      0.3784,
      0.4324,
      0.4865,
      0.5405,
      0.5946,
      0.6486,
      0.7027,
      0.7568,
      0.8108,
      0.8649,
      0.9189,
      0.973,
      1.027,
      1.0811,
      1.1351,
      1.1892,
      1.2432,
      1.2973,
      1.3514,
      1.4054,
      1.4595,
      1.5135,
      1.5676,
      1.6216,
      1.6757,
      1.7297,
      1.7838,
      1.8378,
      1.8919,
      1.9459
    ],
    "TaskName": "workingmemory",
    "TotalReadoutTime": 0.025822520692561732,
    "UsePhilipsFloatNotDisplayScaling": 1,
    "acq_id": "seq",
    "dataset": "ds002785",
    "modality": "bold",
    "subject_id": "0020",
    "task_id": "workingmemory"
  },
  "dummy_trs": 0,
  "dvars_nstd": 28.663184692795042,
  "dvars_std": 1.0649081029192546,
  "dvars_vstd": 0.8898906424223602,
  "efc": 0.438438659666263,
  "fber": 157457.625,
  "fd_mean": 0.24893062438956673,
  "fd_num": 59,
  "fd_perc": 36.41975308641975,
  "fwhm_avg": 1.7683211194923671,
  "fwhm_x": 1.7125266666666665,
  "fwhm_y": 1.8523366666666667,
  "fwhm_z": 1.7401000251437682,
  "gcor": 0.0208522,
  "gsr_x": -0.014910323545336723,
  "gsr_y": 0.014090032316744328,
  "provenance": {
    "md5sum": "2099e706c0b00b0454158abdf6f3e082",
    "settings": {
      "fd_thres": 0.2,
      "testing": false
    },
    "software": "mriqc",
    "version": "22.0.0rc1",
    "webapi_port": null,
    "webapi_url": "https://mriqc.nimh.nih.gov/api/v1"
  },
  "size_t": 162,
  "size_x": 80,
  "size_y": 80,
  "size_z": 37,
  "snr": 5.425717654243936,
  "spacing_tr": 2.0,
  "spacing_x": 3.0,
  "spacing_y": 3.0,
  "spacing_z": 3.299999952316284,
  "summary_bg_k": 63.076622926832016,
  "summary_bg_mad": 61.77936860208345,
  "summary_bg_mean": 561.6004638671875,
  "summary_bg_median": 59.157371520996094,
  "summary_bg_n": 156664.0,
  "summary_bg_p05": 5.995670962333679,
  "summary_bg_p95": 2627.0151123046885,
  "summary_bg_stdv": 1733.2625732421875,
  "summary_fg_k": 2.222350016265751,
  "summary_fg_mad": 3804.2356729721378,
  "summary_fg_mean": 24231.8828125,
  "summary_fg_median": 23715.482421875,
  "summary_fg_n": 38371.0,
  "summary_fg_p05": 18121.8330078125,
  "summary_fg_p95": 31862.7900390625,
  "summary_fg_stdv": 4370.88232421875,
  "tsnr": 36.695594787597656
}