{
  "aor": 0.0006315102040816327,
  "aqi": 0.007128844489795919,
  "bids_meta": {
    "AcquisitionNumber": 3,
    "BidsifyVersion": "0.3.5",
    "ConversionSoftware": "dcm2niix",
    "ConversionSoftwareVersion": "v1.0.20181125  GCC6.3.0",
    "EchoTime": 0.02762,
    "EffectiveEchoSpacing": 0.0006621159151938905,
    "ImageComments": "piop",
    "ImageOrientationPatientDICOM": [
      0.99322,
      0.0828322,
      -0.0815633,
      -0.0849744,
      0.996114,
      -0.0231467
    ],
    "Manufacturer": "Philips",
    "NumberOfVolumesDiscardedByScanner": 2,
    "ParallelAcquisitionTechnique": "SENSE",
    "ParallelReductionFactorInPlane": 2,
    "PatientPosition": "HFS",
    "PhaseEncodingDirection": "j",
    "PhilipsRescaleIntercept": 0,
    "PhilipsRescaleSlope": 0.8127,
    "PhilipsScaleSlope": 0.0544382,
    "ProtocolName": "WIPpiopgstroopSENSE",
    "PulseSequenceType": "gradient echo EPI",
    "ReconMatrixPE": 80,
    "RepetitionTime": 2,
    "SeriesDescription": "ImageMRSERIES",
    "SeriesNumber": 3,
    "SliceEncodingDirection": "k",
    "SliceTiming": [
      0.0,
      0.0541,
      0.1081,
      0.1622,
      0.2162,
      0.2703,
      0.3243,
      0.3784,
      0.4324,
      0.4865,
      0.5405,
      0.5946,
      0.6486,
      0.7027,
      0.7568,
      0.8108,
      0.8649,
      0.9189,
      0.973,
      1.027,
      1.0811,
      1.1351,
      1.1892,
      1.2432,
      1.2973,
      1.3514,
      1.4054,
      1.4595,
      1.5135,
      1.5676,
      1.6216,
      1.6757,
      1.7297,
      1.7838,
      1.8378,
      1.8919,
      1.9459
    ],
    "TaskName": "gstroop",
    "TotalReadoutTime": 0.025822520692561732,
    "UsePhilipsFloatNotDisplayScaling": 1,
    "acq_id": "seq",
    "dataset": "ds002785",
    "modality": "bold",
    "subject_id": "0075",
    "task_id": "gstroop"
  },
  "dummy_trs": 0,
  "dvars_nstd": 22.829631789836057,
  "dvars_std": 1.2139081620491798,
  "dvars_vstd": 0.9503321538524588,
  "efc": 0.46138562578741527,
  "fber": 105291.2890625,
  "fd_mean": 0.09931343372448827,
  "fd_num": 9,
  "fd_perc": 3.673469387755102,
  "fwhm_avg": 1.9021997058698983,
  "fwhm_x": 1.8327466666666667,
  "fwhm_y": 2.02601,
  "fwhm_z": 1.8478424509430285,
  "gcor": 0.0139199,
  "gsr_x": -0.017926877364516258,
  "gsr_y": 0.025980133563280106,
  "provenance": {
    "md5sum": "8564e10d9e0cbafdb08beba19ecfa880",
    "settings": {
      "fd_thres": 0.2,
      "testing": false
    },
    "software": "mriqc",
    "version": "22.0.0rc1",
    "webapi_port": null,
    "webapi_url": "https://mriqc.nimh.nih.gov/api/v1"
  },
  "size_t": 245,
  "size_x": 80,
  "size_y": 80,
  "size_z": 37,
  "snr": 4.920054325324021,
  "spacing_tr": 2.0,
  "spacing_x": 3.0,
  "spacing_y": 3.0,
  "spacing_z": 3.299999952316284,
  "summary_bg_k": 50.55716664361819,
  "summary_bg_mad": 89.43109982943406,
  "summary_bg_mean": 808.6290893554688,
  "summary_bg_median": 77.34034729003906,
  "summary_bg_n": 154244.0,
  "summary_bg_p05": 7.263577556610109,
  "summary_bg_p95": 4251.229321289063,
  "summary_bg_stdv": 2072.244873046875,
  "summary_fg_k": 1.9427874435719836,
  "summary_fg_mad": 4823.032427926876,
  "summary_fg_mean": 26129.953125,
  "summary_fg_median": 25570.21484375,
  "summary_fg_n": 40855.0,
  "summary_fg_p05": 18979.1923828125,
  "summary_fg_p95": 34892.19609375,
  "summary_fg_stdv": 5197.0771484375,
  "tsnr": 65.56874084472656
}