{
  "aor": 0.0006696499999999999,
  "aqi": 0.00449545275,
  "bids_meta": {
    "AcquisitionNumber": 9,
    "BidsifyVersion": "0.3.5",
    "ConversionSoftware": "dcm2niix",
    "ConversionSoftwareVersion": "v1.0.20181125  GCC6.3.0",
    "EchoTime": 0.02762,
    "EffectiveEchoSpacing": 0.0006621159151938905,
    "ImageComments": "piop",
    "ImageOrientationPatientDICOM": [
      0.99322,
      0.0828322,
      -0.0815633,
      -0.0849744,
      0.996114,
      -0.0231467
    ],
    "Manufacturer": "Philips",
    "NumberOfVolumesDiscardedByScanner": 2,
    "ParallelAcquisitionTechnique": "SENSE",
    "ParallelReductionFactorInPlane": 2,
    "PatientPosition": "HFS",
    "PhaseEncodingDirection": "j",
    "PhilipsRescaleIntercept": 0,
    "PhilipsRescaleSlope": 0.81807,
    "PhilipsScaleSlope": 0.0569105,
    "ProtocolName": "WIPpiopanticipatieSENSE",
    "PulseSequenceType": "gradient echo EPI",
    "ReconMatrixPE": 80,
    "RepetitionTime": 2,
    "SeriesDescription": "ImageMRSERIES",
    "SeriesNumber": 9,
    "SliceEncodingDirection": "k",
    "SliceTiming": [
      0.0,
      0.0541,
      0.1081,
      0.1622,
      0.2162,
      0.2703,
      0.3243,
      0.3784,
      0.4324,
      0.4865,
      0.5405,
      0.5946,
      0.6486,
      0.7027,
      0.7568,
      0.8108,
      0.8649,
      0.9189,
      0.973,
      1.027,
      1.0811,
      1.1351,
      1.1892,
      1.2432,
      1.2973,
      1.3514,
      1.4054,
      1.4595,
      1.5135,
      1.5676,
      1.6216,
      1.6757,
      1.7297,
      1.7838,
      1.8378,
      1.8919,
      1.9459
    ],
    "TaskName": "anticipation",
    "TotalReadoutTime": 0.025822520692561732,
    "UsePhilipsFloatNotDisplayScaling": 1,
    "acq_id": "seq",
    "dataset": "ds002785",
    "modality": "bold",
    "subject_id": "0075",
    "task_id": "anticipation"
  },
  "dummy_trs": 0,
  "dvars_nstd": 23.28741246115579,
  "dvars_std": 1.2652897479899503,
  "dvars_vstd": 0.98785289241206,
  "efc": 0.4646188490772482,
  "fber": 107578.375,
  "fd_mean": 0.10057285404769632,
  "fd_num": 5,
  "fd_perc": 2.5,
  "fwhm_avg": 1.900412130116789,
  "fwhm_x": 1.8310866666666668,
  "fwhm_y": 2.02138,
  "fwhm_z": 1.8487697236837,
  "gcor": 0.0295071,
  "gsr_x": -0.01922057569026947,
  "gsr_y": 0.02646280825138092,
  "provenance": {
    "md5sum": "3531a731d3856803dfb3fa29dfe37240",
    "settings": {
      "fd_thres": 0.2,
      "testing": false
    },
    "software": "mriqc",
    "version": "22.0.0rc1",
    "webapi_port": null,
    "webapi_url": "https://mriqc.nimh.nih.gov/api/v1"
  },
  "size_t": 200,
  "size_x": 80,
  "size_y": 80,
  "size_z": 37,
  "snr": 4.936787880955947,
  "spacing_tr": 2.0,
  "spacing_x": 3.0,
  "spacing_y": 3.0,
  "spacing_z": 3.299999952316284,
  "summary_bg_k": 46.64811008434293,
  "summary_bg_mad": 84.76610804496755,
  "summary_bg_mean": 821.7236328125,
  "summary_bg_median": 73.95454406738281,
  "summary_bg_n": 154130.0,
  "summary_bg_p05": 7.614933252334595,
  "summary_bg_p95": 4391.411889648437,
  "summary_bg_stdv": 2086.997314453125,
  "summary_fg_k": 1.8651361684220884,
  "summary_fg_mad": 4647.648114317054,
  "summary_fg_mean": 25273.703125,
  "summary_fg_median": 24725.677734375,
  "summary_fg_n": 41055.0,
  "summary_fg_p05": 18297.201953125,
  "summary_fg_p95": 33692.2,
  "summary_fg_stdv": 5008.3935546875,
  "tsnr": 76.76368713378906
}