{
  "aor": 0.002338326530612245,
  "aqi": 0.007023636571428572,
  "bids_meta": {
    "AcquisitionNumber": 3,
    "BidsifyVersion": "0.3.5",
    "ConversionSoftware": "dcm2niix",
    "ConversionSoftwareVersion": "v1.0.20181125  GCC6.3.0",
    "EchoTime": 0.02762,
    "EffectiveEchoSpacing": 0.0006621159151938905,
    "ImageComments": "Piop",
    "ImageOrientationPatientDICOM": [
      0.998886,
      0.0340276,
      0.0326986,
      -0.0272035,
      0.981363,
      -0.190228
    ],
    "Manufacturer": "Philips",
    "NumberOfVolumesDiscardedByScanner": 2,
    "ParallelAcquisitionTechnique": "SENSE",
    "ParallelReductionFactorInPlane": 2,
    "PatientPosition": "HFS",
    "PhaseEncodingDirection": "j",
    "PhilipsRescaleIntercept": 0,
    "PhilipsRescaleSlope": 0.7663,
    "PhilipsScaleSlope": 0.0560407,
    "ProtocolName": "WIPpiopgstroopSENSE",
    "PulseSequenceType": "gradient echo EPI",
    "ReconMatrixPE": 80,
    "RepetitionTime": 2,
    "SeriesDescription": "ImageMRSERIES",
    "SeriesNumber": 3,
    "SliceEncodingDirection": "k",
    "SliceTiming": [
      0.0,
      0.0541,
      0.1081,
      0.1622,
      0.2162,
      0.2703,
      0.3243,
      0.3784,
      0.4324,
      0.4865,
      0.5405,
      0.5946,
      0.6486,
      0.7027,
      0.7568,
      0.8108,
      0.8649,
      0.9189,
      0.973,
      1.027,
      1.0811,
      1.1351,
      1.1892,
      1.2432,
      1.2973,
      1.3514,
      1.4054,
      1.4595,
      1.5135,
      1.5676,
      1.6216,
      1.6757,
      1.7297,
      1.7838,
      1.8378,
      1.8919,
      1.9459
    ],
    "TaskName": "gstroop",
    "TotalReadoutTime": 0.025822520692561732,
    "UsePhilipsFloatNotDisplayScaling": 1,
    "acq_id": "seq",
    "dataset": "ds002785",
    "modality": "bold",
    "subject_id": "0044",
    "task_id": "gstroop"
  },
  "dummy_trs": 0,
  "dvars_nstd": 21.657609544508187,
  "dvars_std": 1.191829560040983,
  "dvars_vstd": 0.9913478178688527,
  "efc": 0.4420743837814434,
  "fber": 146420.421875,
  "fd_mean": 0.12939181310359724,
  "fd_num": 35,
  "fd_perc": 14.285714285714286,
  "fwhm_avg": 1.7451574825567304,
  "fwhm_x": 1.6838766666666667,
  "fwhm_y": 1.9302533333333332,
  "fwhm_z": 1.6213424476701916,
  "gcor": 0.0212104,
  "gsr_x": -0.02464962750673294,
  "gsr_y": 0.02553587779402733,
  "provenance": {
    "md5sum": "5dbd08b5a7159f4104c3b41a0976c15c",
    "settings": {
      "fd_thres": 0.2,
      "testing": false
    },
    "software": "mriqc",
    "version": "22.0.0rc1",
    "webapi_port": null,
    "webapi_url": "https://mriqc.nimh.nih.gov/api/v1"
  },
  "size_t": 245,
  "size_x": 80,
  "size_y": 80,
  "size_z": 37,
  "snr": 6.216748762405448,
  "spacing_tr": 2.0,
  "spacing_x": 3.0,
  "spacing_y": 3.0,
  "spacing_z": 3.299999952316284,
  "summary_bg_k": 45.891227873266,
  "summary_bg_mad": 69.72926054158009,
  "summary_bg_mean": 789.3600463867188,
  "summary_bg_median": 68.47477722167969,
  "summary_bg_n": 158071.0,
  "summary_bg_p05": 10.171553134918213,
  "summary_bg_p95": 4839.20947265625,
  "summary_bg_stdv": 2211.736328125,
  "summary_fg_k": 1.9933705886010618,
  "summary_fg_mad": 4038.049571669862,
  "summary_fg_mean": 27335.798828125,
  "summary_fg_median": 27005.876953125,
  "summary_fg_n": 36305.0,
  "summary_fg_p05": 21026.26484375,
  "summary_fg_p95": 34449.14687499999,
  "summary_fg_stdv": 4343.99169921875,
  "tsnr": 69.55677795410156
}