{
  "aor": 0.00227295,
  "aqi": 0.01049179815,
  "bids_meta": {
    "AcquisitionNumber": 9,
    "BidsifyVersion": "0.3.5",
    "ConversionSoftware": "dcm2niix",
    "ConversionSoftwareVersion": "v1.0.20181125  GCC6.3.0",
    "EchoTime": 0.02762,
    "EffectiveEchoSpacing": 0.0006621159151938905,
    "ImageComments": "Piop",
    "ImageOrientationPatientDICOM": [
      0.998886,
      0.0340276,
      0.0326986,
      -0.0272035,
      0.981363,
      -0.190228
    ],
    "Manufacturer": "Philips",
    "NumberOfVolumesDiscardedByScanner": 2,
    "ParallelAcquisitionTechnique": "SENSE",
    "ParallelReductionFactorInPlane": 2,
    "PatientPosition": "HFS",
    "PhaseEncodingDirection": "j",
    "PhilipsRescaleIntercept": 0,
    "PhilipsRescaleSlope": 0.85836,
    "PhilipsScaleSlope": 0.0533975,
    "ProtocolName": "WIPpiopanticipatieSENSE",
    "PulseSequenceType": "gradient echo EPI",
    "ReconMatrixPE": 80,
    "RepetitionTime": 2,
    "SeriesDescription": "ImageMRSERIES",
    "SeriesNumber": 9,
    "SliceEncodingDirection": "k",
    "SliceTiming": [
      0.0,
      0.0541,
      0.1081,
      0.1622,
      0.2162,
      0.2703,
      0.3243,
      0.3784,
      0.4324,
      0.4865,
      0.5405,
      0.5946,
      0.6486,
      0.7027,
      0.7568,
      0.8108,
      0.8649,
      0.9189,
      0.973,
      1.027,
      1.0811,
      1.1351,
      1.1892,
      1.2432,
      1.2973,
      1.3514,
      1.4054,
      1.4595,
      1.5135,
      1.5676,
      1.6216,
      1.6757,
      1.7297,
      1.7838,
      1.8378,
      1.8919,
      1.9459
    ],
    "TaskName": "anticipation",
    "TotalReadoutTime": 0.025822520692561732,
    "UsePhilipsFloatNotDisplayScaling": 1,
    "acq_id": "seq",
    "dataset": "ds002785",
    "modality": "bold",
    "subject_id": "0044",
    "task_id": "anticipation"
  },
  "dummy_trs": 0,
  "dvars_nstd": 26.3028648079397,
  "dvars_std": 1.1637814835175877,
  "dvars_vstd": 0.9945872754271358,
  "efc": 0.44519335975803814,
  "fber": 139173.328125,
  "fd_mean": 0.28147470573426353,
  "fd_num": 108,
  "fd_perc": 54.0,
  "fwhm_avg": 1.7810600079686394,
  "fwhm_x": 1.7238166666666668,
  "fwhm_y": 1.96493,
  "fwhm_z": 1.6544333572392516,
  "gcor": 0.0225707,
  "gsr_x": -0.025619348511099815,
  "gsr_y": 0.027347134426236153,
  "provenance": {
    "md5sum": "05e429f1227db64ab19fd375ee5398c0",
    "settings": {
      "fd_thres": 0.2,
      "testing": false
    },
    "software": "mriqc",
    "version": "22.0.0rc1",
    "webapi_port": null,
    "webapi_url": "https://mriqc.nimh.nih.gov/api/v1"
  },
  "size_t": 200,
  "size_x": 80,
  "size_y": 80,
  "size_z": 37,
  "snr": 6.030753200008508,
  "spacing_tr": 2.0,
  "spacing_x": 3.0,
  "spacing_y": 3.0,
  "spacing_z": 3.299999952316284,
  "summary_bg_k": 32.96746207389963,
  "summary_bg_mad": 74.31661116982846,
  "summary_bg_mean": 850.938232421875,
  "summary_bg_median": 69.977294921875,
  "summary_bg_n": 158162.0,
  "summary_bg_p05": 9.195503616333008,
  "summary_bg_p95": 5365.470239257792,
  "summary_bg_stdv": 2305.579345703125,
  "summary_fg_k": 1.8845177749747464,
  "summary_fg_mad": 4117.267440598881,
  "summary_fg_mean": 27194.490234375,
  "summary_fg_median": 26842.2578125,
  "summary_fg_n": 36212.0,
  "summary_fg_p05": 20673.7130859375,
  "summary_fg_p95": 34520.6,
  "summary_fg_stdv": 4450.8349609375,
  "tsnr": 58.848331451416016
}