{
  "aor": 0.0005932716049382716,
  "aqi": 0.005449716111111111,
  "bids_meta": {
    "AcquisitionNumber": 8,
    "BidsifyVersion": "0.3.5",
    "ConversionSoftware": "dcm2niix",
    "ConversionSoftwareVersion": "v1.0.20181125  GCC6.3.0",
    "EchoTime": 0.02762,
    "EffectiveEchoSpacing": 0.0006621159151938905,
    "ImageComments": "piop",
    "ImageOrientationPatientDICOM": [
      0.999605,
      0.00438513,
      0.0277567,
      -0.000523392,
      0.990483,
      -0.137632
    ],
    "Manufacturer": "Philips",
    "NumberOfVolumesDiscardedByScanner": 2,
    "ParallelAcquisitionTechnique": "SENSE",
    "ParallelReductionFactorInPlane": 2,
    "PatientPosition": "HFS",
    "PhaseEncodingDirection": "j",
    "PhilipsRescaleIntercept": 0,
    "PhilipsRescaleSlope": 0.76703,
    "PhilipsScaleSlope": 0.0608078,
    "ProtocolName": "WIPpiopwmSENSE",
    "PulseSequenceType": "gradient echo EPI",
    "ReconMatrixPE": 80,
    "RepetitionTime": 2,
    "SeriesDescription": "ImageMRSERIES",
    "SeriesNumber": 8,
    "SliceEncodingDirection": "k",
    "SliceTiming": [
      0.0,
      0.0541,
      0.1081,
      0.1622,
      0.2162,
      0.2703,
      0.3243,
      0.3784,
      0.4324,
      0.4865,
      0.5405,
      0.5946,
      0.6486,
      0.7027,
      0.7568,
      0.8108,
      0.8649,
      0.9189,
      0.973,
      1.027,
      1.0811,
      1.1351,
      1.1892,
      1.2432,
      1.2973,
      1.3514,
      1.4054,
      1.4595,
      1.5135,
      1.5676,
      1.6216,
      1.6757,
      1.7297,
      1.7838,
      1.8378,
      1.8919,
      1.9459
    ],
    "TaskName": "workingmemory",
    "TotalReadoutTime": 0.025822520692561732,
    "UsePhilipsFloatNotDisplayScaling": 1,
    "acq_id": "seq",
    "dataset": "ds002785",
    "modality": "bold",
    "subject_id": "0178",
    "task_id": "workingmemory"
  },
  "dummy_trs": 0,
  "dvars_nstd": 27.291204392795017,
  "dvars_std": 1.363956531180124,
  "dvars_vstd": 0.97957893310559,
  "efc": 0.4157916231488497,
  "fber": 168736.046875,
  "fd_mean": 0.11465029948059294,
  "fd_num": 7,
  "fd_perc": 4.320987654320987,
  "fwhm_avg": 1.804980513557721,
  "fwhm_x": 1.7726300000000001,
  "fwhm_y": 1.87606,
  "fwhm_z": 1.7662515406731627,
  "gcor": 0.0136187,
  "gsr_x": -0.018336975947022438,
  "gsr_y": 0.013169593177735806,
  "provenance": {
    "md5sum": "9867cdffb075895fe24762f5bbd41031",
    "settings": {
      "fd_thres": 0.2,
      "testing": false
    },
    "software": "mriqc",
    "version": "22.0.0rc1",
    "webapi_port": null,
    "webapi_url": "https://mriqc.nimh.nih.gov/api/v1"
  },
  "size_t": 162,
  "size_x": 80,
  "size_y": 80,
  "size_z": 37,
  "snr": 4.690846735805256,
  "spacing_tr": 2.0,
  "spacing_x": 3.0,
  "spacing_y": 3.0,
  "spacing_z": 3.299999952316284,
  "summary_bg_k": 148.95658914745866,
  "summary_bg_mad": 59.33799594752425,
  "summary_bg_mean": 440.4672546386719,
  "summary_bg_median": 54.854820251464844,
  "summary_bg_n": 160374.0,
  "summary_bg_p05": 2.9859673500061037,
  "summary_bg_p95": 2195.1197387695343,
  "summary_bg_stdv": 1449.69189453125,
  "summary_fg_k": 1.86999643528992,
  "summary_fg_mad": 4308.633163669509,
  "summary_fg_mean": 23944.140625,
  "summary_fg_median": 23118.265625,
  "summary_fg_n": 35781.0,
  "summary_fg_p05": 17598.765625,
  "summary_fg_p95": 32995.2890625,
  "summary_fg_stdv": 4928.30908203125,
  "tsnr": 77.05694580078125
}