{
  "aor": 0.00528325,
  "aqi": 0.00785809,
  "bids_meta": {
    "AcquisitionNumber": 9,
    "BidsifyVersion": "0.3.5",
    "ConversionSoftware": "dcm2niix",
    "ConversionSoftwareVersion": "v1.0.20181125  GCC6.3.0",
    "EchoTime": 0.02762,
    "EffectiveEchoSpacing": 0.0006621159151938905,
    "ImageComments": "piop",
    "ImageOrientationPatientDICOM": [
      0.998772,
      -0.00173237,
      -0.049516,
      -0.0163874,
      0.931591,
      -0.363138
    ],
    "Manufacturer": "Philips",
    "NumberOfVolumesDiscardedByScanner": 2,
    "ParallelAcquisitionTechnique": "SENSE",
    "ParallelReductionFactorInPlane": 2,
    "PatientPosition": "HFS",
    "PhaseEncodingDirection": "j",
    "PhilipsRescaleIntercept": 0,
    "PhilipsRescaleSlope": 0.76557,
    "PhilipsScaleSlope": 0.0562926,
    "ProtocolName": "WIPpiopanticipatieSENSE",
    "PulseSequenceType": "gradient echo EPI",
    "ReconMatrixPE": 80,
    "RepetitionTime": 2,
    "SeriesDescription": "ImageMRSERIES",
    "SeriesNumber": 9,
    "SliceEncodingDirection": "k",
    "SliceTiming": [
      0.0,
      0.0541,
      0.1081,
      0.1622,
      0.2162,
      0.2703,
      0.3243,
      0.3784,
      0.4324,
      0.4865,
      0.5405,
      0.5946,
      0.6486,
      0.7027,
      0.7568,
      0.8108,
      0.8649,
      0.9189,
      0.973,
      1.027,
      1.0811,
      1.1351,
      1.1892,
      1.2432,
      1.2973,
      1.3514,
      1.4054,
      1.4595,
      1.5135,
      1.5676,
      1.6216,
      1.6757,
      1.7297,
      1.7838,
      1.8378,
      1.8919,
      1.9459
    ],
    "TaskName": "anticipation",
    "TotalReadoutTime": 0.025822520692561732,
    "UsePhilipsFloatNotDisplayScaling": 1,
    "acq_id": "seq",
    "dataset": "ds002785",
    "modality": "bold",
    "subject_id": "0009",
    "task_id": "anticipation"
  },
  "dummy_trs": 0,
  "dvars_nstd": 27.290907701758783,
  "dvars_std": 1.2239386264824115,
  "dvars_vstd": 0.9936730623115576,
  "efc": 0.39373394546484464,
  "fber": 188511.765625,
  "fd_mean": 0.22904529640642665,
  "fd_num": 86,
  "fd_perc": 43.0,
  "fwhm_avg": 1.8156389984183054,
  "fwhm_x": 1.77278,
  "fwhm_y": 1.9053733333333334,
  "fwhm_z": 1.768763661921583,
  "gcor": 0.0346775,
  "gsr_x": -0.025923091918230057,
  "gsr_y": 0.01542585901916027,
  "provenance": {
    "md5sum": "f4db0fe25637113525e8e022c6443e58",
    "settings": {
      "fd_thres": 0.2,
      "testing": false
    },
    "software": "mriqc",
    "version": "22.0.0rc1",
    "webapi_port": null,
    "webapi_url": "https://mriqc.nimh.nih.gov/api/v1"
  },
  "size_t": 200,
  "size_x": 80,
  "size_y": 80,
  "size_z": 37,
  "snr": 4.826597861304601,
  "spacing_tr": 2.0,
  "spacing_x": 3.0,
  "spacing_y": 3.0,
  "spacing_z": 3.299999952316284,
  "summary_bg_k": 71.18180252836335,
  "summary_bg_mad": 54.338303929636226,
  "summary_bg_mean": 438.9125671386719,
  "summary_bg_median": 55.66206359863281,
  "summary_bg_n": 165504.0,
  "summary_bg_p05": 5.131303071975708,
  "summary_bg_p95": 2337.6477783203136,
  "summary_bg_stdv": 1324.96142578125,
  "summary_fg_k": 1.081650979531302,
  "summary_fg_mad": 4846.256001740187,
  "summary_fg_mean": 25185.701171875,
  "summary_fg_median": 24606.091796875,
  "summary_fg_n": 31131.0,
  "summary_fg_p05": 18012.5439453125,
  "summary_fg_p95": 34063.53125,
  "summary_fg_stdv": 5097.93798828125,
  "tsnr": 56.28805160522461
}