{
  "aor": 0.004704204081632653,
  "aqi": 0.00499491387755102,
  "bids_meta": {
    "AcquisitionNumber": 3,
    "BidsifyVersion": "0.3.5",
    "ConversionSoftware": "dcm2niix",
    "ConversionSoftwareVersion": "v1.0.20181125  GCC6.3.0",
    "EchoTime": 0.02762,
    "EffectiveEchoSpacing": 0.0006621159151938905,
    "ImageComments": "piop",
    "ImageOrientationPatientDICOM": [
      0.998772,
      -0.00173237,
      -0.049516,
      -0.0163874,
      0.931591,
      -0.363138
    ],
    "Manufacturer": "Philips",
    "NumberOfVolumesDiscardedByScanner": 2,
    "ParallelAcquisitionTechnique": "SENSE",
    "ParallelReductionFactorInPlane": 2,
    "PatientPosition": "HFS",
    "PhaseEncodingDirection": "j",
    "PhilipsRescaleIntercept": 0,
    "PhilipsRescaleSlope": 0.7939,
    "PhilipsScaleSlope": 0.0535226,
    "ProtocolName": "WIPpiopgstroopSENSE",
    "PulseSequenceType": "gradient echo EPI",
    "ReconMatrixPE": 80,
    "RepetitionTime": 2,
    "SeriesDescription": "ImageMRSERIES",
    "SeriesNumber": 3,
    "SliceEncodingDirection": "k",
    "SliceTiming": [
      0.0,
      0.0541,
      0.1081,
      0.1622,
      0.2162,
      0.2703,
      0.3243,
      0.3784,
      0.4324,
      0.4865,
      0.5405,
      0.5946,
      0.6486,
      0.7027,
      0.7568,
      0.8108,
      0.8649,
      0.9189,
      0.973,
      1.027,
      1.0811,
      1.1351,
      1.1892,
      1.2432,
      1.2973,
      1.3514,
      1.4054,
      1.4595,
      1.5135,
      1.5676,
      1.6216,
      1.6757,
      1.7297,
      1.7838,
      1.8378,
      1.8919,
      1.9459
    ],
    "TaskName": "gstroop",
    "TotalReadoutTime": 0.025822520692561732,
    "UsePhilipsFloatNotDisplayScaling": 1,
    "acq_id": "seq",
    "dataset": "ds002785",
    "modality": "bold",
    "subject_id": "0009",
    "task_id": "gstroop"
  },
  "dummy_trs": 0,
  "dvars_nstd": 25.829548116229507,
  "dvars_std": 1.3415081278278684,
  "dvars_vstd": 1.0310113793852462,
  "efc": 0.3933632295556003,
  "fber": 180508.328125,
  "fd_mean": 0.15369093660378683,
  "fd_num": 39,
  "fd_perc": 15.918367346938776,
  "fwhm_avg": 1.7904890993246756,
  "fwhm_x": 1.7413999999999998,
  "fwhm_y": 1.88284,
  "fwhm_z": 1.7472272979740273,
  "gcor": 0.0378577,
  "gsr_x": -0.02533450722694397,
  "gsr_y": 0.01511254720389843,
  "provenance": {
    "md5sum": "0014d4687b0c58dc0433470890c92924",
    "settings": {
      "fd_thres": 0.2,
      "testing": false
    },
    "software": "mriqc",
    "version": "22.0.0rc1",
    "webapi_port": null,
    "webapi_url": "https://mriqc.nimh.nih.gov/api/v1"
  },
  "size_t": 245,
  "size_x": 80,
  "size_y": 80,
  "size_z": 37,
  "snr": 4.871189501430259,
  "spacing_tr": 2.0,
  "spacing_x": 3.0,
  "spacing_y": 3.0,
  "spacing_z": 3.299999952316284,
  "summary_bg_k": 71.69000670917377,
  "summary_bg_mad": 64.57056618863763,
  "summary_bg_mean": 454.4436340332031,
  "summary_bg_median": 59.490135192871094,
  "summary_bg_n": 165397.0,
  "summary_bg_p05": 4.0785480499267575,
  "summary_bg_p95": 2388.4532714843745,
  "summary_bg_stdv": 1382.6600341796875,
  "summary_fg_k": 1.0881230593186029,
  "summary_fg_mad": 5093.741983200946,
  "summary_fg_mean": 26517.88671875,
  "summary_fg_median": 25920.0703125,
  "summary_fg_n": 31134.0,
  "summary_fg_p05": 19012.8521484375,
  "summary_fg_p95": 35702.7759765625,
  "summary_fg_stdv": 5321.01123046875,
  "tsnr": 67.5833969116211
}