{
  "aor": 0.0028591358024691355,
  "aqi": 0.004728118703703703,
  "bids_meta": {
    "AcquisitionNumber": 8,
    "BidsifyVersion": "0.3.5",
    "ConversionSoftware": "dcm2niix",
    "ConversionSoftwareVersion": "v1.0.20181125  GCC6.3.0",
    "EchoTime": 0.02762,
    "EffectiveEchoSpacing": 0.0006621159151938905,
    "ImageComments": "piop",
    "ImageOrientationPatientDICOM": [
      0.998772,
      -0.00173237,
      -0.049516,
      -0.0163874,
      0.931591,
      -0.363138
    ],
    "Manufacturer": "Philips",
    "NumberOfVolumesDiscardedByScanner": 2,
    "ParallelAcquisitionTechnique": "SENSE",
    "ParallelReductionFactorInPlane": 2,
    "PatientPosition": "HFS",
    "PhaseEncodingDirection": "j",
    "PhilipsRescaleIntercept": 0,
    "PhilipsRescaleSlope": 0.76703,
    "PhilipsScaleSlope": 0.0571533,
    "ProtocolName": "WIPpiopwmSENSE",
    "PulseSequenceType": "gradient echo EPI",
    "ReconMatrixPE": 80,
    "RepetitionTime": 2,
    "SeriesDescription": "ImageMRSERIES",
    "SeriesNumber": 8,
    "SliceEncodingDirection": "k",
    "SliceTiming": [
      0.0,
      0.0541,
      0.1081,
      0.1622,
      0.2162,
      0.2703,
      0.3243,
      0.3784,
      0.4324,
      0.4865,
      0.5405,
      0.5946,
      0.6486,
      0.7027,
      0.7568,
      0.8108,
      0.8649,
      0.9189,
      0.973,
      1.027,
      1.0811,
      1.1351,
      1.1892,
      1.2432,
      1.2973,
      1.3514,
      1.4054,
      1.4595,
      1.5135,
      1.5676,
      1.6216,
      1.6757,
      1.7297,
      1.7838,
      1.8378,
      1.8919,
      1.9459
    ],
    "TaskName": "workingmemory",
    "TotalReadoutTime": 0.025822520692561732,
    "UsePhilipsFloatNotDisplayScaling": 1,
    "acq_id": "seq",
    "dataset": "ds002785",
    "modality": "bold",
    "subject_id": "0009",
    "task_id": "workingmemory"
  },
  "dummy_trs": 0,
  "dvars_nstd": 24.517091004658383,
  "dvars_std": 1.324890412670808,
  "dvars_vstd": 1.0213833431677015,
  "efc": 0.3933887710060404,
  "fber": 188678.765625,
  "fd_mean": 0.13227245370755655,
  "fd_num": 17,
  "fd_perc": 10.493827160493828,
  "fwhm_avg": 1.80397354377779,
  "fwhm_x": 1.76087,
  "fwhm_y": 1.9020233333333334,
  "fwhm_z": 1.7490272980000365,
  "gcor": 0.0382661,
  "gsr_x": -0.02559770457446575,
  "gsr_y": 0.01427227258682251,
  "provenance": {
    "md5sum": "9e032b985b9ee71a0168ff37189389a6",
    "settings": {
      "fd_thres": 0.2,
      "testing": false
    },
    "software": "mriqc",
    "version": "22.0.0rc1",
    "webapi_port": null,
    "webapi_url": "https://mriqc.nimh.nih.gov/api/v1"
  },
  "size_t": 162,
  "size_x": 80,
  "size_y": 80,
  "size_z": 37,
  "snr": 4.818135010078406,
  "spacing_tr": 2.0,
  "spacing_x": 3.0,
  "spacing_y": 3.0,
  "spacing_z": 3.299999952316284,
  "summary_bg_k": 68.1816913106021,
  "summary_bg_mad": 53.49565023151345,
  "summary_bg_mean": 435.1700134277344,
  "summary_bg_median": 55.6773567199707,
  "summary_bg_n": 165483.0,
  "summary_bg_p05": 4.305558824539185,
  "summary_bg_p95": 2310.64130859375,
  "summary_bg_stdv": 1315.8746337890625,
  "summary_fg_k": 1.1389516056459401,
  "summary_fg_mad": 4882.113547192832,
  "summary_fg_mean": 25214.6796875,
  "summary_fg_median": 24653.92578125,
  "summary_fg_n": 31232.0,
  "summary_fg_p05": 17963.86630859375,
  "summary_fg_p95": 34052.27304687499,
  "summary_fg_stdv": 5116.8203125,
  "tsnr": 71.85179138183594
}