{
  "aor": 0.0007953333333333333,
  "aqi": 0.009577977625000001,
  "bids_meta": {
    "AcquisitionNumber": 6,
    "BidsifyVersion": "0.3.5",
    "ConversionSoftware": "dcm2niix",
    "ConversionSoftwareVersion": "v1.0.20181125  GCC6.3.0",
    "EchoTime": 0.02762,
    "EffectiveEchoSpacing": 0.0006333282667071997,
    "ImageComments": "piop",
    "ImageOrientationPatientDICOM": [
      0.998772,
      -0.00173237,
      -0.049516,
      -0.0163874,
      0.931591,
      -0.363138
    ],
    "Manufacturer": "Philips",
    "NumberOfVolumesDiscardedByScanner": 2,
    "ParallelAcquisitionTechnique": "SENSE",
    "ParallelReductionFactorInPlane": 2,
    "PatientPosition": "HFS",
    "PhaseEncodingDirection": "j",
    "PhilipsRescaleIntercept": 0,
    "PhilipsRescaleSlope": 0.78388,
    "PhilipsScaleSlope": 0.0917713,
    "ProtocolName": "WIPpioprsSENSE",
    "PulseSequenceType": "gradient echo EPI",
    "ReconMatrixPE": 80,
    "RepetitionTime": 0.75,
    "SeriesDescription": "ImageMRSERIES",
    "SeriesNumber": 6,
    "SliceEncodingDirection": "k",
    "SliceTiming": [
      0.0,
      0.06755050505050506,
      0.1351010101010101,
      0.20265151515151517,
      0.2702020202020202,
      0.3377525252525253,
      0.40530303030303033,
      0.47285353535353536,
      0.5404040404040404,
      0.6079545454545455,
      0.6755050505050506,
      0.7430555555555556,
      0.0,
      0.06755050505050506,
      0.1351010101010101,
      0.20265151515151517,
      0.2702020202020202,
      0.3377525252525253,
      0.40530303030303033,
      0.47285353535353536,
      0.5404040404040404,
      0.6079545454545455,
      0.6755050505050506,
      0.7430555555555556,
      0.0,
      0.06755050505050506,
      0.1351010101010101,
      0.20265151515151517,
      0.2702020202020202,
      0.3377525252525253,
      0.40530303030303033,
      0.47285353535353536,
      0.5404040404040404,
      0.6079545454545455,
      0.6755050505050506,
      0.7430555555555556
    ],
    "TaskName": "restingstate",
    "TotalReadoutTime": 0.024699802401580786,
    "UsePhilipsFloatNotDisplayScaling": 1,
    "acq_id": "mb3",
    "dataset": "ds002785",
    "modality": "bold",
    "subject_id": "0009",
    "task_id": "restingstate"
  },
  "dummy_trs": 0,
  "dvars_nstd": 27.889885948329848,
  "dvars_std": 1.13717169987474,
  "dvars_vstd": 0.9924755453653452,
  "efc": 0.3993905620902501,
  "fber": 182373.703125,
  "fd_mean": 0.12633766072506408,
  "fd_num": 46,
  "fd_perc": 9.583333333333334,
  "fwhm_avg": 1.8630647560863507,
  "fwhm_x": 1.83113,
  "fwhm_y": 1.97014,
  "fwhm_z": 1.7879242682590524,
  "gcor": 0.0315795,
  "gsr_x": -0.026815518736839294,
  "gsr_y": 0.013751019723713398,
  "provenance": {
    "md5sum": "3ab5a2ce89d250581f958dc094235473",
    "settings": {
      "fd_thres": 0.2,
      "testing": false
    },
    "software": "mriqc",
    "version": "22.0.0rc1",
    "webapi_port": null,
    "webapi_url": "https://mriqc.nimh.nih.gov/api/v1"
  },
  "size_t": 480,
  "size_x": 80,
  "size_y": 80,
  "size_z": 36,
  "snr": 5.904168847759567,
  "spacing_tr": 0.75,
  "spacing_x": 3.0,
  "spacing_y": 3.0,
  "spacing_z": 3.299999952316284,
  "summary_bg_k": 51.928318049252866,
  "summary_bg_mad": 38.859186599224394,
  "summary_bg_mean": 306.1322937011719,
  "summary_bg_median": 38.51053237915039,
  "summary_bg_n": 160623.0,
  "summary_bg_p05": 2.416308903694153,
  "summary_bg_p95": 1647.7894042968735,
  "summary_bg_stdv": 882.5926513671875,
  "summary_fg_k": 0.46714519044066183,
  "summary_fg_mad": 2747.820782430278,
  "summary_fg_mean": 16881.431640625,
  "summary_fg_median": 16750.01953125,
  "summary_fg_n": 30511.0,
  "summary_fg_p05": 12511.994140625,
  "summary_fg_p95": 21668.490234375,
  "summary_fg_stdv": 2836.935302734375,
  "tsnr": 48.24518585205078
}