{
  "bids_meta": {
    "AcquisitionNumber": 4,
    "BidsifyVersion": "0.3.5",
    "ConversionSoftware": "dcm2niix",
    "ConversionSoftwareVersion": "v1.0.20181125  GCC6.3.0",
    "EchoTime": 0.00373,
    "ImageComments": "Piop",
    "ImageOrientationPatientDICOM": [
      0.998641,
      -0.047004,
      0.0225038,
      0.0467454,
      0.998836,
      0.0118861
    ],
    "Manufacturer": "Philips",
    "PatientPosition": "HFS",
    "PhilipsRescaleIntercept": 0,
    "PhilipsRescaleSlope": 9.1265,
    "PhilipsScaleSlope": 0.00729878,
    "ProtocolName": "WIPt13dSENSE",
    "ReconMatrixPE": 240,
    "RepetitionTime": 0.008124,
    "SeriesDescription": "ImageMRSERIES",
    "SeriesNumber": 4,
    "UsePhilipsFloatNotDisplayScaling": 1,
    "dataset": "ds002785",
    "modality": "T1w",
    "subject_id": "0102"
  },
  "cjv": 0.31318172529335964,
  "cnr": 4.0422281079420195,
  "efc": 0.7660941852795446,
  "fber": 639.90966796875,
  "fwhm_avg": 3.6737633333333335,
  "fwhm_x": 3.59155,
  "fwhm_y": 3.85195,
  "fwhm_z": 3.57779,
  "icvs_csf": 0.22455195282859197,
  "icvs_gm": 0.41360783556676495,
  "icvs_wm": 0.3618402116046431,
  "inu_med": 1.754438877105713,
  "inu_range": 0.4625767588615417,
  "provenance": {
    "md5sum": "2d535760bd5308c13e95872309534509",
    "settings": {
      "testing": false
    },
    "software": "mriqc",
    "version": "22.0.0rc1",
    "warnings": {
      "large_rot_frame": true,
      "small_air_mask": true
    },
    "webapi_port": null,
    "webapi_url": "https://mriqc.nimh.nih.gov/api/v1"
  },
  "qi_1": 0.0,
  "qi_2": 0.00032305884616340425,
  "rpve_csf": 22.11808500313225,
  "rpve_gm": 12.448546945677615,
  "rpve_wm": 18.62033741936724,
  "size_x": 240,
  "size_y": 240,
  "size_z": 220,
  "snr_csf": 3.2840467991158966,
  "snr_gm": 7.319253781585633,
  "snr_total": 10.60138337406496,
  "snr_wm": 21.20084954149335,
  "snrd_csf": 24.396431669529854,
  "snrd_gm": 44.97960814854742,
  "snrd_total": 47.67724530914922,
  "snrd_wm": 73.6556961093704,
  "spacing_x": 1.0,
  "spacing_y": 1.0,
  "spacing_z": 1.0,
  "summary_bg_k": 1.252767135321661,
  "summary_bg_mad": 8.894370122174987,
  "summary_bg_mean": 12.135429382324219,
  "summary_bg_median": 11.954834938049316,
  "summary_bg_n": 83900.0,
  "summary_bg_p05": 0.0,
  "summary_bg_p95": 30.305304050445557,
  "summary_bg_stdv": 9.532037734985352,
  "summary_csf_k": 0.7315384041950859,
  "summary_csf_mad": 88.34608899070382,
  "summary_csf_mean": 320.8587646484375,
  "summary_csf_median": 331.21484375,
  "summary_csf_n": 4909.0,
  "summary_csf_p05": 126.04143676757813,
  "summary_csf_p95": 465.89990234375,
  "summary_csf_stdv": 100.84542846679688,
  "summary_gm_k": 0.20554832955519853,
  "summary_gm_mad": 79.80415919840979,
  "summary_gm_mean": 615.7489624023438,
  "summary_gm_median": 610.6595458984375,
  "summary_gm_n": 19718.0,
  "summary_gm_p05": 485.25841827392577,
  "summary_gm_p95": 762.832095336914,
  "summary_gm_stdv": 83.42982482910156,
  "summary_wm_k": 1.1540604012773308,
  "summary_wm_mad": 42.12281574693108,
  "summary_wm_mean": 998.3432006835938,
  "summary_wm_median": 999.9765625,
  "summary_wm_n": 222956.0,
  "summary_wm_p05": 918.6788177490234,
  "summary_wm_p95": 1071.9347534179688,
  "summary_wm_stdv": 47.166709899902344,
  "tpm_overlap_csf": 0.1485866755247116,
  "tpm_overlap_gm": 0.4359414875507355,
  "tpm_overlap_wm": 0.4933837950229645,
  "wm2max": 0.7836207929310608
}