{
  "aor": 0.021731172839506176,
  "aqi": 0.02139307679012346,
  "bids_meta": {
    "AcquisitionNumber": 8,
    "BidsifyVersion": "0.3.5",
    "ConversionSoftware": "dcm2niix",
    "ConversionSoftwareVersion": "v1.0.20181125  GCC6.3.0",
    "EchoTime": 0.02762,
    "EffectiveEchoSpacing": 0.0006621159151938905,
    "ImageComments": "PIOP",
    "ImageOrientationPatientDICOM": [
      0.99981,
      -0.0166112,
      -0.0102123,
      0.0136118,
      0.969565,
      -0.244454
    ],
    "Manufacturer": "Philips",
    "NumberOfVolumesDiscardedByScanner": 2,
    "ParallelAcquisitionTechnique": "SENSE",
    "ParallelReductionFactorInPlane": 2,
    "PatientPosition": "HFS",
    "PhaseEncodingDirection": "j",
    "PhilipsRescaleIntercept": 0,
    "PhilipsRescaleSlope": 0.78974,
    "PhilipsScaleSlope": 0.0667697,
    "ProtocolName": "WIPpiopwmSENSE",
    "PulseSequenceType": "gradient echo EPI",
    "ReconMatrixPE": 80,
    "RepetitionTime": 2,
    "SeriesDescription": "ImageMRSERIES",
    "SeriesNumber": 8,
    "SliceEncodingDirection": "k",
    "SliceTiming": [
      0.0,
      0.0541,
      0.1081,
      0.1622,
      0.2162,
      0.2703,
      0.3243,
      0.3784,
      0.4324,
      0.4865,
      0.5405,
      0.5946,
      0.6486,
      0.7027,
      0.7568,
      0.8108,
      0.8649,
      0.9189,
      0.973,
      1.027,
      1.0811,
      1.1351,
      1.1892,
      1.2432,
      1.2973,
      1.3514,
      1.4054,
      1.4595,
      1.5135,
      1.5676,
      1.6216,
      1.6757,
      1.7297,
      1.7838,
      1.8378,
      1.8919,
      1.9459
    ],
    "TaskName": "workingmemory",
    "TotalReadoutTime": 0.025822520692561732,
    "UsePhilipsFloatNotDisplayScaling": 1,
    "acq_id": "seq",
    "dataset": "ds002785",
    "modality": "bold",
    "subject_id": "0007",
    "task_id": "workingmemory"
  },
  "dummy_trs": 0,
  "dvars_nstd": 24.00367441304348,
  "dvars_std": 1.1360638712422353,
  "dvars_vstd": 1.058690946335404,
  "efc": 0.42079385540455816,
  "fber": 162424.296875,
  "fd_mean": 0.3442850581021291,
  "fd_num": 76,
  "fd_perc": 46.91358024691358,
  "fwhm_avg": 1.8833219278586792,
  "fwhm_x": 1.7981833333333332,
  "fwhm_y": 2.0524066666666667,
  "fwhm_z": 1.7993757835760376,
  "gcor": 0.0235821,
  "gsr_x": -0.021288612857460976,
  "gsr_y": 0.01881277561187744,
  "provenance": {
    "md5sum": "51476f3223a07a396bf244745336e219",
    "settings": {
      "fd_thres": 0.2,
      "testing": false
    },
    "software": "mriqc",
    "version": "22.0.0rc1",
    "webapi_port": null,
    "webapi_url": "https://mriqc.nimh.nih.gov/api/v1"
  },
  "size_t": 162,
  "size_x": 80,
  "size_y": 80,
  "size_z": 37,
  "snr": 5.510245870732712,
  "spacing_tr": 2.0,
  "spacing_x": 3.0,
  "spacing_y": 3.0,
  "spacing_z": 3.299999952316284,
  "summary_bg_k": 81.1383991735014,
  "summary_bg_mad": 53.78601772104218,
  "summary_bg_mean": 516.1079711914062,
  "summary_bg_median": 51.93091583251953,
  "summary_bg_n": 161794.0,
  "summary_bg_p05": 5.33703043460846,
  "summary_bg_p95": 2687.4077514648475,
  "summary_bg_stdv": 1608.72998046875,
  "summary_fg_k": 3.41138299844998,
  "summary_fg_mad": 3280.060500336499,
  "summary_fg_mean": 21685.505859375,
  "summary_fg_median": 21231.45703125,
  "summary_fg_n": 34373.0,
  "summary_fg_p05": 16634.990234375,
  "summary_fg_p95": 27866.41484375,
  "summary_fg_stdv": 3853.031005859375,
  "tsnr": 42.11309814453125
}