{
  "aor": 0.006595732217573222,
  "aqi": 0.015876172803347282,
  "bids_meta": {
    "AcquisitionNumber": 6,
    "BidsifyVersion": "0.3.5",
    "ConversionSoftware": "dcm2niix",
    "ConversionSoftwareVersion": "v1.0.20181125  GCC6.3.0",
    "EchoTime": 0.02762,
    "EffectiveEchoSpacing": 0.0006333282667071997,
    "ImageComments": "PIOP",
    "ImageOrientationPatientDICOM": [
      0.99981,
      -0.0166112,
      -0.0102123,
      0.0136118,
      0.969565,
      -0.244454
    ],
    "Manufacturer": "Philips",
    "NumberOfVolumesDiscardedByScanner": 2,
    "ParallelAcquisitionTechnique": "SENSE",
    "ParallelReductionFactorInPlane": 2,
    "PatientPosition": "HFS",
    "PhaseEncodingDirection": "j",
    "PhilipsRescaleIntercept": 0,
    "PhilipsRescaleSlope": 0.77827,
    "PhilipsScaleSlope": 0.0939775,
    "ProtocolName": "WIPpioprsSENSE",
    "PulseSequenceType": "gradient echo EPI",
    "ReconMatrixPE": 80,
    "RepetitionTime": 0.75,
    "SeriesDescription": "ImageMRSERIES",
    "SeriesNumber": 6,
    "SliceEncodingDirection": "k",
    "SliceTiming": [
      0.0,
      0.06755050505050506,
      0.1351010101010101,
      0.20265151515151517,
      0.2702020202020202,
      0.3377525252525253,
      0.40530303030303033,
      0.47285353535353536,
      0.5404040404040404,
      0.6079545454545455,
      0.6755050505050506,
      0.7430555555555556,
      0.0,
      0.06755050505050506,
      0.1351010101010101,
      0.20265151515151517,
      0.2702020202020202,
      0.3377525252525253,
      0.40530303030303033,
      0.47285353535353536,
      0.5404040404040404,
      0.6079545454545455,
      0.6755050505050506,
      0.7430555555555556,
      0.0,
      0.06755050505050506,
      0.1351010101010101,
      0.20265151515151517,
      0.2702020202020202,
      0.3377525252525253,
      0.40530303030303033,
      0.47285353535353536,
      0.5404040404040404,
      0.6079545454545455,
      0.6755050505050506,
      0.7430555555555556
    ],
    "TaskName": "restingstate",
    "TotalReadoutTime": 0.024699802401580786,
    "UsePhilipsFloatNotDisplayScaling": 1,
    "acq_id": "mb3",
    "dataset": "ds002785",
    "modality": "bold",
    "subject_id": "0007",
    "task_id": "restingstate"
  },
  "dummy_trs": 2,
  "dvars_nstd": 29.333597295115307,
  "dvars_std": 1.189108890649895,
  "dvars_vstd": 1.0928897745702293,
  "efc": 0.42791494920030393,
  "fber": 176300.953125,
  "fd_mean": 0.1316340253658106,
  "fd_num": 37,
  "fd_perc": 7.7405857740585775,
  "fwhm_avg": 1.856953341817021,
  "fwhm_x": 1.7881433333333332,
  "fwhm_y": 2.02135,
  "fwhm_z": 1.7613666921177298,
  "gcor": 0.019512,
  "gsr_x": -0.023508084937930107,
  "gsr_y": 0.017997700721025467,
  "provenance": {
    "md5sum": "de3eb90f8cd8ea35dcfc0072f0bbc23b",
    "settings": {
      "fd_thres": 0.2,
      "testing": false
    },
    "software": "mriqc",
    "version": "22.0.0rc1",
    "webapi_port": null,
    "webapi_url": "https://mriqc.nimh.nih.gov/api/v1"
  },
  "size_t": 478,
  "size_x": 80,
  "size_y": 80,
  "size_z": 36,
  "snr": 6.943818257690019,
  "spacing_tr": 0.75,
  "spacing_x": 3.0,
  "spacing_y": 3.0,
  "spacing_z": 3.299999952316284,
  "summary_bg_k": 56.92098474077965,
  "summary_bg_mad": 41.87747028712806,
  "summary_bg_mean": 405.5080871582031,
  "summary_bg_median": 37.803802490234375,
  "summary_bg_n": 156570.0,
  "summary_bg_p05": 2.363164901733399,
  "summary_bg_p95": 2090.673852539058,
  "summary_bg_stdv": 1195.5130615234375,
  "summary_fg_k": 1.8892638374625177,
  "summary_fg_mad": 2096.4328376026883,
  "summary_fg_mean": 16268.6259765625,
  "summary_fg_median": 16179.68359375,
  "summary_fg_n": 33775.0,
  "summary_fg_p05": 12840.10341796875,
  "summary_fg_p95": 19984.2921875,
  "summary_fg_stdv": 2330.050048828125,
  "tsnr": 44.988914489746094
}