{
  "aor": 0.000574468085106383,
  "aqi": 0.010196117568389057,
  "bids_meta": {
    "AcquisitionNumber": 2,
    "BidsifyVersion": "0.3.5",
    "ConversionSoftware": "dcm2niix",
    "ConversionSoftwareVersion": "v1.0.20181125  GCC6.3.0",
    "EchoTime": 0.02762,
    "EffectiveEchoSpacing": 0.0006333282667071997,
    "ImageComments": "PIOP",
    "ImageOrientationPatientDICOM": [
      0.99981,
      -0.0166112,
      -0.0102123,
      0.0136118,
      0.969565,
      -0.244454
    ],
    "Manufacturer": "Philips",
    "NumberOfVolumesDiscardedByScanner": 2,
    "ParallelAcquisitionTechnique": "SENSE",
    "ParallelReductionFactorInPlane": 2,
    "PatientPosition": "HFS",
    "PhaseEncodingDirection": "j",
    "PhilipsRescaleIntercept": 0,
    "PhilipsRescaleSlope": 0.7663,
    "PhilipsScaleSlope": 0.0976881,
    "ProtocolName": "WIPpiopfacesSENSE",
    "PulseSequenceType": "gradient echo EPI",
    "ReconMatrixPE": 80,
    "RepetitionTime": 0.75,
    "SeriesDescription": "ImageMRSERIES",
    "SeriesNumber": 2,
    "SliceEncodingDirection": "k",
    "SliceTiming": [
      0.0,
      0.06755050505050506,
      0.1351010101010101,
      0.20265151515151517,
      0.2702020202020202,
      0.3377525252525253,
      0.40530303030303033,
      0.47285353535353536,
      0.5404040404040404,
      0.6079545454545455,
      0.6755050505050506,
      0.7430555555555556,
      0.0,
      0.06755050505050506,
      0.1351010101010101,
      0.20265151515151517,
      0.2702020202020202,
      0.3377525252525253,
      0.40530303030303033,
      0.47285353535353536,
      0.5404040404040404,
      0.6079545454545455,
      0.6755050505050506,
      0.7430555555555556,
      0.0,
      0.06755050505050506,
      0.1351010101010101,
      0.20265151515151517,
      0.2702020202020202,
      0.3377525252525253,
      0.40530303030303033,
      0.47285353535353536,
      0.5404040404040404,
      0.6079545454545455,
      0.6755050505050506,
      0.7430555555555556
    ],
    "TaskName": "faces",
    "TotalReadoutTime": 0.024699802401580786,
    "UsePhilipsFloatNotDisplayScaling": 1,
    "acq_id": "mb3",
    "dataset": "ds002785",
    "modality": "bold",
    "subject_id": "0007",
    "task_id": "faces"
  },
  "dummy_trs": 1,
  "dvars_nstd": 27.680081902743918,
  "dvars_std": 1.100092523597561,
  "dvars_vstd": 1.005175626310975,
  "efc": 0.4263914889734942,
  "fber": 197045.40625,
  "fd_mean": 0.0928118073605069,
  "fd_num": 16,
  "fd_perc": 4.86322188449848,
  "fwhm_avg": 1.8803888974701917,
  "fwhm_x": 1.8120466666666666,
  "fwhm_y": 2.0474866666666665,
  "fwhm_z": 1.781633359077242,
  "gcor": 0.0128329,
  "gsr_x": -0.023493852466344833,
  "gsr_y": 0.017382660880684853,
  "provenance": {
    "md5sum": "b7033ad3db5bddb08f227b5e17dffe68",
    "settings": {
      "fd_thres": 0.2,
      "testing": false
    },
    "software": "mriqc",
    "version": "22.0.0rc1",
    "webapi_port": null,
    "webapi_url": "https://mriqc.nimh.nih.gov/api/v1"
  },
  "size_t": 329,
  "size_x": 80,
  "size_y": 80,
  "size_z": 36,
  "snr": 6.827530837696881,
  "spacing_tr": 0.75,
  "spacing_x": 3.0,
  "spacing_y": 3.0,
  "spacing_z": 3.299999952316284,
  "summary_bg_k": 53.81132879735285,
  "summary_bg_mad": 41.94932497714895,
  "summary_bg_mean": 401.4610595703125,
  "summary_bg_median": 36.53110122680664,
  "summary_bg_n": 156559.0,
  "summary_bg_p05": 1.7056393146514894,
  "summary_bg_p95": 2133.232739257814,
  "summary_bg_stdv": 1183.8280029296875,
  "summary_fg_k": 1.4308904587174158,
  "summary_fg_mad": 2262.327193945718,
  "summary_fg_mean": 16639.6171875,
  "summary_fg_median": 16567.33203125,
  "summary_fg_n": 33796.0,
  "summary_fg_p05": 12976.774658203125,
  "summary_fg_p95": 20515.40869140625,
  "summary_fg_stdv": 2426.51220703125,
  "tsnr": 52.32087326049805
}