{
  "aor": 0.007283703703703704,
  "aqi": 0.007095007333333334,
  "bids_meta": {
    "AcquisitionNumber": 5,
    "BidsifyVersion": "0.3.5",
    "ConversionSoftware": "dcm2niix",
    "ConversionSoftwareVersion": "v1.0.20181125  GCC6.3.0",
    "EchoTime": 0.02762,
    "EffectiveEchoSpacing": 0.0006621159151938905,
    "ImageComments": "PIOP",
    "ImageOrientationPatientDICOM": [
      0.99981,
      -0.0166112,
      -0.0102123,
      0.0136118,
      0.969565,
      -0.244454
    ],
    "Manufacturer": "Philips",
    "NumberOfVolumesDiscardedByScanner": 2,
    "ParallelAcquisitionTechnique": "SENSE",
    "ParallelReductionFactorInPlane": 2,
    "PatientPosition": "HFS",
    "PhaseEncodingDirection": "j",
    "PhilipsRescaleIntercept": 0,
    "PhilipsRescaleSlope": 0.76703,
    "PhilipsScaleSlope": 0.0630636,
    "ProtocolName": "WIPpiopharririSENSE",
    "PulseSequenceType": "gradient echo EPI",
    "ReconMatrixPE": 80,
    "RepetitionTime": 2,
    "SeriesDescription": "ImageMRSERIES",
    "SeriesNumber": 5,
    "SliceEncodingDirection": "k",
    "SliceTiming": [
      0.0,
      0.0541,
      0.1081,
      0.1622,
      0.2162,
      0.2703,
      0.3243,
      0.3784,
      0.4324,
      0.4865,
      0.5405,
      0.5946,
      0.6486,
      0.7027,
      0.7568,
      0.8108,
      0.8649,
      0.9189,
      0.973,
      1.027,
      1.0811,
      1.1351,
      1.1892,
      1.2432,
      1.2973,
      1.3514,
      1.4054,
      1.4595,
      1.5135,
      1.5676,
      1.6216,
      1.6757,
      1.7297,
      1.7838,
      1.8378,
      1.8919,
      1.9459
    ],
    "TaskName": "emomatching",
    "TotalReadoutTime": 0.025822520692561732,
    "UsePhilipsFloatNotDisplayScaling": 1,
    "acq_id": "seq",
    "dataset": "ds002785",
    "modality": "bold",
    "subject_id": "0007",
    "task_id": "emomatching"
  },
  "dummy_trs": 0,
  "dvars_nstd": 20.385227203582087,
  "dvars_std": 1.1409481238059707,
  "dvars_vstd": 1.0260945036567164,
  "efc": 0.4176762173134627,
  "fber": 185583.6875,
  "fd_mean": 0.1956538662810243,
  "fd_num": 31,
  "fd_perc": 22.962962962962962,
  "fwhm_avg": 1.8607482913684115,
  "fwhm_x": 1.7831933333333332,
  "fwhm_y": 2.0259666666666667,
  "fwhm_z": 1.773084874105235,
  "gcor": 0.039025,
  "gsr_x": -0.021338924765586853,
  "gsr_y": 0.018462063744664192,
  "provenance": {
    "md5sum": "885140f0bfaea88433ed72debfa122be",
    "settings": {
      "fd_thres": 0.2,
      "testing": false
    },
    "software": "mriqc",
    "version": "22.0.0rc1",
    "webapi_port": null,
    "webapi_url": "https://mriqc.nimh.nih.gov/api/v1"
  },
  "size_t": 135,
  "size_x": 80,
  "size_y": 80,
  "size_z": 37,
  "snr": 5.425600747600661,
  "spacing_tr": 2.0,
  "spacing_x": 3.0,
  "spacing_y": 3.0,
  "spacing_z": 3.299999952316284,
  "summary_bg_k": 85.73305116456109,
  "summary_bg_mad": 50.18796900296593,
  "summary_bg_mean": 501.7168884277344,
  "summary_bg_median": 48.964515686035156,
  "summary_bg_n": 161943.0,
  "summary_bg_p05": 3.385626792907715,
  "summary_bg_p95": 2676.7716552734373,
  "summary_bg_stdv": 1593.2513427734375,
  "summary_fg_k": 3.327621029248114,
  "summary_fg_mad": 3410.1964892073197,
  "summary_fg_mean": 22039.40625,
  "summary_fg_median": 21558.47265625,
  "summary_fg_n": 34291.0,
  "summary_fg_p05": 16826.3642578125,
  "summary_fg_p95": 28386.6572265625,
  "summary_fg_stdv": 3973.4140625,
  "tsnr": 69.55957794189453
}