{
  "bids_meta": {
    "AcquisitionNumber": 4,
    "BidsifyVersion": "0.3.5",
    "ConversionSoftware": "dcm2niix",
    "ConversionSoftwareVersion": "v1.0.20181125  GCC6.3.0",
    "EchoTime": 0.00376,
    "ImageComments": "piop",
    "ImageOrientationPatientDICOM": [
      0.998903,
      -0.0267697,
      -0.0384215,
      0.0235405,
      0.99634,
      -0.0821707
    ],
    "Manufacturer": "Philips",
    "PatientPosition": "HFS",
    "PhilipsRescaleIntercept": 0,
    "PhilipsRescaleSlope": 9.57582,
    "PhilipsScaleSlope": 0.00779735,
    "ProtocolName": "WIPt13dSENSE",
    "ReconMatrixPE": 240,
    "RepetitionTime": 0.008208,
    "SeriesDescription": "ImageMRSERIES",
    "SeriesNumber": 4,
    "UsePhilipsFloatNotDisplayScaling": 1,
    "dataset": "ds002785",
    "modality": "T1w",
    "subject_id": "0113"
  },
  "cjv": 0.3167731587971376,
  "cnr": 4.098262455438706,
  "efc": 0.7681749259820715,
  "fber": 705.5662231445312,
  "fwhm_avg": 3.4570897221192056,
  "fwhm_x": 3.37817,
  "fwhm_y": 3.6749395619130656,
  "fwhm_z": 3.3181596044445514,
  "icvs_csf": 0.1835984520678033,
  "icvs_gm": 0.45136113191222876,
  "icvs_wm": 0.3650404160199679,
  "inu_med": 1.8268955945968628,
  "inu_range": 0.4245681166648865,
  "provenance": {
    "md5sum": "a59963a2a4bab601bd1c42216d2c26e3",
    "settings": {
      "testing": false
    },
    "software": "mriqc",
    "version": "22.0.0rc1",
    "warnings": {
      "large_rot_frame": true,
      "small_air_mask": true
    },
    "webapi_port": null,
    "webapi_url": "https://mriqc.nimh.nih.gov/api/v1"
  },
  "qi_1": 0.0,
  "qi_2": 0.00013890581562113258,
  "rpve_csf": 34.26021191562578,
  "rpve_gm": 15.798731797188502,
  "rpve_wm": 23.966633652637924,
  "size_x": 240,
  "size_y": 240,
  "size_z": 220,
  "snr_csf": 1.9813536911489045,
  "snr_gm": 7.155942147833798,
  "snr_total": 9.415864704990282,
  "snr_wm": 19.110298275988146,
  "snrd_csf": 18.363687383811328,
  "snrd_gm": 42.15090732893753,
  "snrd_total": 43.790405529881184,
  "snrd_wm": 70.85662187689469,
  "spacing_x": 1.0,
  "spacing_y": 1.0000001192092896,
  "spacing_z": 1.0000001192092896,
  "summary_bg_k": 19.59695724847163,
  "summary_bg_mad": 9.245812224777925,
  "summary_bg_mean": 14.3412504196167,
  "summary_bg_median": 12.383769989013672,
  "summary_bg_n": 120954.0,
  "summary_bg_p05": 0.0,
  "summary_bg_p95": 36.73542461395263,
  "summary_bg_stdv": 11.106962203979492,
  "summary_csf_k": 1.5629558876258214,
  "summary_csf_mad": 167.89833295162322,
  "summary_csf_mean": 251.700439453125,
  "summary_csf_median": 259.16314697265625,
  "summary_csf_n": 3992.0,
  "summary_csf_p05": 63.5984390258789,
  "summary_csf_p95": 438.48319091796867,
  "summary_csf_stdv": 130.78466796875,
  "summary_gm_k": 0.17245806475185255,
  "summary_gm_mad": 80.5020246957923,
  "summary_gm_mean": 600.0428466796875,
  "summary_gm_median": 594.8675537109375,
  "summary_gm_n": 18723.0,
  "summary_gm_p05": 468.8930206298828,
  "summary_gm_p95": 743.8746582031249,
  "summary_gm_stdv": 83.126953125,
  "summary_wm_k": 0.8544994413075968,
  "summary_wm_mad": 47.828535820382854,
  "summary_wm_mean": 996.995849609375,
  "summary_wm_median": 999.9857177734375,
  "summary_wm_n": 168416.0,
  "summary_wm_p05": 906.033935546875,
  "summary_wm_p95": 1077.1176452636719,
  "summary_wm_stdv": 52.326904296875,
  "tpm_overlap_csf": 0.16951332986354828,
  "tpm_overlap_gm": 0.4490434229373932,
  "tpm_overlap_wm": 0.5040006637573242,
  "wm2max": 0.6896965329938035
}