{
  "aor": 0.0007140123456790123,
  "aqi": 0.003018841913580247,
  "bids_meta": {
    "AcquisitionNumber": 8,
    "BidsifyVersion": "0.3.5",
    "ConversionSoftware": "dcm2niix",
    "ConversionSoftwareVersion": "v1.0.20181125  GCC6.3.0",
    "EchoTime": 0.02762,
    "EffectiveEchoSpacing": 0.0006621159151938905,
    "ImageComments": "Piop",
    "ImageOrientationPatientDICOM": [
      0.999279,
      -0.021765,
      0.0311143,
      0.0307053,
      0.945239,
      -0.324931
    ],
    "Manufacturer": "Philips",
    "NumberOfVolumesDiscardedByScanner": 2,
    "ParallelAcquisitionTechnique": "SENSE",
    "ParallelReductionFactorInPlane": 2,
    "PatientPosition": "HFS",
    "PhaseEncodingDirection": "j",
    "PhilipsRescaleIntercept": 0,
    "PhilipsRescaleSlope": 0.83712,
    "PhilipsScaleSlope": 0.0638073,
    "ProtocolName": "WIPpiopwmSENSE",
    "PulseSequenceType": "gradient echo EPI",
    "ReconMatrixPE": 80,
    "RepetitionTime": 2,
    "SeriesDescription": "ImageMRSERIES",
    "SeriesNumber": 8,
    "SliceEncodingDirection": "k",
    "SliceTiming": [
      0.0,
      0.0541,
      0.1081,
      0.1622,
      0.2162,
      0.2703,
      0.3243,
      0.3784,
      0.4324,
      0.4865,
      0.5405,
      0.5946,
      0.6486,
      0.7027,
      0.7568,
      0.8108,
      0.8649,
      0.9189,
      0.973,
      1.027,
      1.0811,
      1.1351,
      1.1892,
      1.2432,
      1.2973,
      1.3514,
      1.4054,
      1.4595,
      1.5135,
      1.5676,
      1.6216,
      1.6757,
      1.7297,
      1.7838,
      1.8378,
      1.8919,
      1.9459
    ],
    "TaskName": "workingmemory",
    "TotalReadoutTime": 0.025822520692561732,
    "UsePhilipsFloatNotDisplayScaling": 1,
    "acq_id": "seq",
    "dataset": "ds002785",
    "modality": "bold",
    "subject_id": "0163",
    "task_id": "workingmemory"
  },
  "dummy_trs": 0,
  "dvars_nstd": 25.26412621490683,
  "dvars_std": 1.374238431366459,
  "dvars_vstd": 1.0150717712422361,
  "efc": 0.4267397023570799,
  "fber": 152892.15625,
  "fd_mean": 0.0860238676572828,
  "fd_num": 4,
  "fd_perc": 2.4691358024691357,
  "fwhm_avg": 1.7399249576128284,
  "fwhm_x": 1.6874399999999998,
  "fwhm_y": 1.8469166666666668,
  "fwhm_z": 1.685418206171819,
  "gcor": 0.0282671,
  "gsr_x": -0.012968453578650951,
  "gsr_y": 0.01356768049299717,
  "provenance": {
    "md5sum": "da5827fdb8f4e1aa0e945b996fafc2c1",
    "settings": {
      "fd_thres": 0.2,
      "testing": false
    },
    "software": "mriqc",
    "version": "22.0.0rc1",
    "webapi_port": null,
    "webapi_url": "https://mriqc.nimh.nih.gov/api/v1"
  },
  "size_t": 162,
  "size_x": 80,
  "size_y": 80,
  "size_z": 37,
  "snr": 5.3177707063747555,
  "spacing_tr": 2.0,
  "spacing_x": 3.0,
  "spacing_y": 3.0,
  "spacing_z": 3.299999952316284,
  "summary_bg_k": 60.06898137140556,
  "summary_bg_mad": 50.24467000906039,
  "summary_bg_mean": 426.24298095703125,
  "summary_bg_median": 50.20275115966797,
  "summary_bg_n": 158531.0,
  "summary_bg_p05": 3.065163254737854,
  "summary_bg_p95": 2174.435791015625,
  "summary_bg_stdv": 1332.2181396484375,
  "summary_fg_k": 2.0099743837497197,
  "summary_fg_mad": 3458.242067350767,
  "summary_fg_mean": 20663.04296875,
  "summary_fg_median": 20201.40625,
  "summary_fg_n": 35984.0,
  "summary_fg_p05": 15370.286328125,
  "summary_fg_p95": 27053.266796874996,
  "summary_fg_stdv": 3798.7958984375,
  "tsnr": 88.97618103027344
}