{
  "aor": 0.000885925925925926,
  "aqi": 0.003765761851851852,
  "bids_meta": {
    "AcquisitionNumber": 5,
    "BidsifyVersion": "0.3.5",
    "ConversionSoftware": "dcm2niix",
    "ConversionSoftwareVersion": "v1.0.20181125  GCC6.3.0",
    "EchoTime": 0.02762,
    "EffectiveEchoSpacing": 0.0006621159151938905,
    "ImageComments": "Piop",
    "ImageOrientationPatientDICOM": [
      0.999279,
      -0.021765,
      0.0311143,
      0.0307053,
      0.945239,
      -0.324931
    ],
    "Manufacturer": "Philips",
    "NumberOfVolumesDiscardedByScanner": 2,
    "ParallelAcquisitionTechnique": "SENSE",
    "ParallelReductionFactorInPlane": 2,
    "PatientPosition": "HFS",
    "PhaseEncodingDirection": "j",
    "PhilipsRescaleIntercept": 0,
    "PhilipsRescaleSlope": 0.84762,
    "PhilipsScaleSlope": 0.064251,
    "ProtocolName": "WIPpiopharririSENSE",
    "PulseSequenceType": "gradient echo EPI",
    "ReconMatrixPE": 80,
    "RepetitionTime": 2,
    "SeriesDescription": "ImageMRSERIES",
    "SeriesNumber": 5,
    "SliceEncodingDirection": "k",
    "SliceTiming": [
      0.0,
      0.0541,
      0.1081,
      0.1622,
      0.2162,
      0.2703,
      0.3243,
      0.3784,
      0.4324,
      0.4865,
      0.5405,
      0.5946,
      0.6486,
      0.7027,
      0.7568,
      0.8108,
      0.8649,
      0.9189,
      0.973,
      1.027,
      1.0811,
      1.1351,
      1.1892,
      1.2432,
      1.2973,
      1.3514,
      1.4054,
      1.4595,
      1.5135,
      1.5676,
      1.6216,
      1.6757,
      1.7297,
      1.7838,
      1.8378,
      1.8919,
      1.9459
    ],
    "TaskName": "emomatching",
    "TotalReadoutTime": 0.025822520692561732,
    "UsePhilipsFloatNotDisplayScaling": 1,
    "acq_id": "seq",
    "dataset": "ds002785",
    "modality": "bold",
    "subject_id": "0163",
    "task_id": "emomatching"
  },
  "dummy_trs": 0,
  "dvars_nstd": 23.468535096044775,
  "dvars_std": 1.2889636065671637,
  "dvars_vstd": 1.0009868996268652,
  "efc": 0.42611726126405414,
  "fber": 152583.296875,
  "fd_mean": 0.08514216992468623,
  "fd_num": 7,
  "fd_perc": 5.185185185185185,
  "fwhm_avg": 1.746027684906997,
  "fwhm_x": 1.6912900000000002,
  "fwhm_y": 1.8569233333333335,
  "fwhm_z": 1.689869721387657,
  "gcor": 0.0392782,
  "gsr_x": -0.013074223883450031,
  "gsr_y": 0.014621266163885593,
  "provenance": {
    "md5sum": "a8b9693073b8756ef81d14119d31bbde",
    "settings": {
      "fd_thres": 0.2,
      "testing": false
    },
    "software": "mriqc",
    "version": "22.0.0rc1",
    "webapi_port": null,
    "webapi_url": "https://mriqc.nimh.nih.gov/api/v1"
  },
  "size_t": 135,
  "size_x": 80,
  "size_y": 80,
  "size_z": 37,
  "snr": 5.326059399724741,
  "spacing_tr": 2.0,
  "spacing_x": 3.0,
  "spacing_y": 3.0,
  "spacing_z": 3.299999952316284,
  "summary_bg_k": 63.94803317618255,
  "summary_bg_mad": 50.403258065655265,
  "summary_bg_mean": 425.25439453125,
  "summary_bg_median": 50.42173767089844,
  "summary_bg_n": 158634.0,
  "summary_bg_p05": 3.311594998836518,
  "summary_bg_p95": 2179.257629394534,
  "summary_bg_stdv": 1330.9422607421875,
  "summary_fg_k": 1.9049817936699815,
  "summary_fg_mad": 3452.5548979032183,
  "summary_fg_mean": 20716.91796875,
  "summary_fg_median": 20259.5234375,
  "summary_fg_n": 35942.0,
  "summary_fg_p05": 15387.161083984374,
  "summary_fg_p95": 27175.027343749993,
  "summary_fg_stdv": 3803.795654296875,
  "tsnr": 81.83280944824219
}