{
  "aor": 0.0012630000000000002,
  "aqi": 0.0037982233,
  "bids_meta": {
    "AcquisitionNumber": 9,
    "BidsifyVersion": "0.3.5",
    "ConversionSoftware": "dcm2niix",
    "ConversionSoftwareVersion": "v1.0.20181125  GCC6.3.0",
    "EchoTime": 0.02762,
    "EffectiveEchoSpacing": 0.0006621159151938905,
    "ImageComments": "PIOP",
    "ImageOrientationPatientDICOM": [
      0.998638,
      -0.0422382,
      -0.0306133,
      0.0392366,
      0.994914,
      -0.092775
    ],
    "Manufacturer": "Philips",
    "NumberOfVolumesDiscardedByScanner": 2,
    "ParallelAcquisitionTechnique": "SENSE",
    "ParallelReductionFactorInPlane": 2,
    "PatientPosition": "HFS",
    "PhaseEncodingDirection": "j",
    "PhilipsRescaleIntercept": 0,
    "PhilipsRescaleSlope": 0.8083,
    "PhilipsScaleSlope": 0.0638615,
    "ProtocolName": "WIPpiopanticipatieSENSE",
    "PulseSequenceType": "gradient echo EPI",
    "ReconMatrixPE": 80,
    "RepetitionTime": 2,
    "SeriesDescription": "ImageMRSERIES",
    "SeriesNumber": 9,
    "SliceEncodingDirection": "k",
    "SliceTiming": [
      0.0,
      0.0541,
      0.1081,
      0.1622,
      0.2162,
      0.2703,
      0.3243,
      0.3784,
      0.4324,
      0.4865,
      0.5405,
      0.5946,
      0.6486,
      0.7027,
      0.7568,
      0.8108,
      0.8649,
      0.9189,
      0.973,
      1.027,
      1.0811,
      1.1351,
      1.1892,
      1.2432,
      1.2973,
      1.3514,
      1.4054,
      1.4595,
      1.5135,
      1.5676,
      1.6216,
      1.6757,
      1.7297,
      1.7838,
      1.8378,
      1.8919,
      1.9459
    ],
    "TaskName": "anticipation",
    "TotalReadoutTime": 0.025822520692561732,
    "UsePhilipsFloatNotDisplayScaling": 1,
    "acq_id": "seq",
    "dataset": "ds002785",
    "modality": "bold",
    "subject_id": "0181",
    "task_id": "anticipation"
  },
  "dummy_trs": 0,
  "dvars_nstd": 18.771037562110568,
  "dvars_std": 1.1715315553266328,
  "dvars_vstd": 1.0058853336683418,
  "efc": 0.4160749710807951,
  "fber": 207635.3125,
  "fd_mean": 0.13918931927376405,
  "fd_num": 28,
  "fd_perc": 14.0,
  "fwhm_avg": 2.0274114234133647,
  "fwhm_x": 1.9691,
  "fwhm_y": 2.18811,
  "fwhm_z": 1.925024270240094,
  "gcor": 0.0400959,
  "gsr_x": -0.020548300817608833,
  "gsr_y": 0.019555209204554558,
  "provenance": {
    "md5sum": "5f3862128d8be53b98484797eb2dc36e",
    "settings": {
      "fd_thres": 0.2,
      "testing": false
    },
    "software": "mriqc",
    "version": "22.0.0rc1",
    "webapi_port": null,
    "webapi_url": "https://mriqc.nimh.nih.gov/api/v1"
  },
  "size_t": 200,
  "size_x": 80,
  "size_y": 80,
  "size_z": 37,
  "snr": 5.572617994748245,
  "spacing_tr": 2.0,
  "spacing_x": 3.0,
  "spacing_y": 3.0,
  "spacing_z": 3.299999952316284,
  "summary_bg_k": 126.67410595385152,
  "summary_bg_mad": 49.39810258132639,
  "summary_bg_mean": 453.90960693359375,
  "summary_bg_median": 47.90608596801758,
  "summary_bg_n": 161429.0,
  "summary_bg_p05": 3.297780561447144,
  "summary_bg_p95": 2426.613720703126,
  "summary_bg_stdv": 1512.588134765625,
  "summary_fg_k": 1.507473348131871,
  "summary_fg_mad": 3596.6858409186434,
  "summary_fg_mean": 22982.224609375,
  "summary_fg_median": 22492.49609375,
  "summary_fg_n": 34546.0,
  "summary_fg_p05": 17222.0390625,
  "summary_fg_p95": 30191.22216796875,
  "summary_fg_stdv": 4036.194580078125,
  "tsnr": 90.19981384277344
}