{
  "aor": 0.0010099382716049383,
  "aqi": 0.003060556913580247,
  "bids_meta": {
    "AcquisitionNumber": 8,
    "BidsifyVersion": "0.3.5",
    "ConversionSoftware": "dcm2niix",
    "ConversionSoftwareVersion": "v1.0.20181125  GCC6.3.0",
    "EchoTime": 0.02762,
    "EffectiveEchoSpacing": 0.0006621159151938905,
    "ImageComments": "PIOP",
    "ImageOrientationPatientDICOM": [
      0.998638,
      -0.0422382,
      -0.0306133,
      0.0392366,
      0.994914,
      -0.092775
    ],
    "Manufacturer": "Philips",
    "NumberOfVolumesDiscardedByScanner": 2,
    "ParallelAcquisitionTechnique": "SENSE",
    "ParallelReductionFactorInPlane": 2,
    "PatientPosition": "HFS",
    "PhaseEncodingDirection": "j",
    "PhilipsRescaleIntercept": 0,
    "PhilipsRescaleSlope": 0.80586,
    "PhilipsScaleSlope": 0.0624939,
    "ProtocolName": "WIPpiopwmSENSE",
    "PulseSequenceType": "gradient echo EPI",
    "ReconMatrixPE": 80,
    "RepetitionTime": 2,
    "SeriesDescription": "ImageMRSERIES",
    "SeriesNumber": 8,
    "SliceEncodingDirection": "k",
    "SliceTiming": [
      0.0,
      0.0541,
      0.1081,
      0.1622,
      0.2162,
      0.2703,
      0.3243,
      0.3784,
      0.4324,
      0.4865,
      0.5405,
      0.5946,
      0.6486,
      0.7027,
      0.7568,
      0.8108,
      0.8649,
      0.9189,
      0.973,
      1.027,
      1.0811,
      1.1351,
      1.1892,
      1.2432,
      1.2973,
      1.3514,
      1.4054,
      1.4595,
      1.5135,
      1.5676,
      1.6216,
      1.6757,
      1.7297,
      1.7838,
      1.8378,
      1.8919,
      1.9459
    ],
    "TaskName": "workingmemory",
    "TotalReadoutTime": 0.025822520692561732,
    "UsePhilipsFloatNotDisplayScaling": 1,
    "acq_id": "seq",
    "dataset": "ds002785",
    "modality": "bold",
    "subject_id": "0181",
    "task_id": "workingmemory"
  },
  "dummy_trs": 0,
  "dvars_nstd": 17.600512611428563,
  "dvars_std": 1.1754146141614903,
  "dvars_vstd": 1.0166999685714282,
  "efc": 0.4159485611721092,
  "fber": 203252.828125,
  "fd_mean": 0.10600058796394705,
  "fd_num": 16,
  "fd_perc": 9.876543209876543,
  "fwhm_avg": 2.033816069899817,
  "fwhm_x": 1.9694066666666667,
  "fwhm_y": 2.20249,
  "fwhm_z": 1.929551543032784,
  "gcor": 0.038144,
  "gsr_x": -0.020575707778334618,
  "gsr_y": 0.01932993344962597,
  "provenance": {
    "md5sum": "cfc6eaf7874a7165bf6849923d5e5959",
    "settings": {
      "fd_thres": 0.2,
      "testing": false
    },
    "software": "mriqc",
    "version": "22.0.0rc1",
    "webapi_port": null,
    "webapi_url": "https://mriqc.nimh.nih.gov/api/v1"
  },
  "size_t": 162,
  "size_x": 80,
  "size_y": 80,
  "size_z": 37,
  "snr": 5.543157377897896,
  "spacing_tr": 2.0,
  "spacing_x": 3.0,
  "spacing_y": 3.0,
  "spacing_z": 3.299999952316284,
  "summary_bg_k": 119.061313089472,
  "summary_bg_mad": 53.05975718214322,
  "summary_bg_mean": 460.6346130371094,
  "summary_bg_median": 49.42647933959961,
  "summary_bg_n": 161456.0,
  "summary_bg_p05": 3.1714882850646973,
  "summary_bg_p95": 2480.38232421875,
  "summary_bg_stdv": 1525.42236328125,
  "summary_fg_k": 1.5325602049393696,
  "summary_fg_mad": 3699.8801676000576,
  "summary_fg_mean": 23386.908203125,
  "summary_fg_median": 22909.703125,
  "summary_fg_n": 34534.0,
  "summary_fg_p05": 17476.09853515625,
  "summary_fg_p95": 30754.987890624994,
  "summary_fg_stdv": 4132.91015625,
  "tsnr": 93.66783905029297
}