{
  "aor": 0.0006984897959183674,
  "aqi": 0.0035471833061224483,
  "bids_meta": {
    "AcquisitionNumber": 3,
    "BidsifyVersion": "0.3.5",
    "ConversionSoftware": "dcm2niix",
    "ConversionSoftwareVersion": "v1.0.20181125  GCC6.3.0",
    "EchoTime": 0.02762,
    "EffectiveEchoSpacing": 0.0006621159151938905,
    "ImageComments": "PIOP",
    "ImageOrientationPatientDICOM": [
      0.998638,
      -0.0422382,
      -0.0306133,
      0.0392366,
      0.994914,
      -0.092775
    ],
    "Manufacturer": "Philips",
    "NumberOfVolumesDiscardedByScanner": 2,
    "ParallelAcquisitionTechnique": "SENSE",
    "ParallelReductionFactorInPlane": 2,
    "PatientPosition": "HFS",
    "PhaseEncodingDirection": "j",
    "PhilipsRescaleIntercept": 0,
    "PhilipsRescaleSlope": 0.79634,
    "PhilipsScaleSlope": 0.0604171,
    "ProtocolName": "WIPpiopgstroopSENSE",
    "PulseSequenceType": "gradient echo EPI",
    "ReconMatrixPE": 80,
    "RepetitionTime": 2,
    "SeriesDescription": "ImageMRSERIES",
    "SeriesNumber": 3,
    "SliceEncodingDirection": "k",
    "SliceTiming": [
      0.0,
      0.0541,
      0.1081,
      0.1622,
      0.2162,
      0.2703,
      0.3243,
      0.3784,
      0.4324,
      0.4865,
      0.5405,
      0.5946,
      0.6486,
      0.7027,
      0.7568,
      0.8108,
      0.8649,
      0.9189,
      0.973,
      1.027,
      1.0811,
      1.1351,
      1.1892,
      1.2432,
      1.2973,
      1.3514,
      1.4054,
      1.4595,
      1.5135,
      1.5676,
      1.6216,
      1.6757,
      1.7297,
      1.7838,
      1.8378,
      1.8919,
      1.9459
    ],
    "TaskName": "gstroop",
    "TotalReadoutTime": 0.025822520692561732,
    "UsePhilipsFloatNotDisplayScaling": 1,
    "acq_id": "seq",
    "dataset": "ds002785",
    "modality": "bold",
    "subject_id": "0181",
    "task_id": "gstroop"
  },
  "dummy_trs": 0,
  "dvars_nstd": 17.729575888196734,
  "dvars_std": 1.1542262905327871,
  "dvars_vstd": 0.9992098354918031,
  "efc": 0.4153014300103247,
  "fber": 209805.1875,
  "fd_mean": 0.12193406551921518,
  "fd_num": 27,
  "fd_perc": 11.020408163265307,
  "fwhm_avg": 2.002237483930246,
  "fwhm_x": 1.9331866666666666,
  "fwhm_y": 2.1670166666666666,
  "fwhm_z": 1.9065091184574057,
  "gcor": 0.0370714,
  "gsr_x": -0.020162418484687805,
  "gsr_y": 0.019096573814749718,
  "provenance": {
    "md5sum": "a1f872069b61409f4ce0261ca5a8faa4",
    "settings": {
      "fd_thres": 0.2,
      "testing": false
    },
    "software": "mriqc",
    "version": "22.0.0rc1",
    "webapi_port": null,
    "webapi_url": "https://mriqc.nimh.nih.gov/api/v1"
  },
  "size_t": 245,
  "size_x": 80,
  "size_y": 80,
  "size_z": 37,
  "snr": 5.699970034613059,
  "spacing_tr": 2.0,
  "spacing_x": 3.0,
  "spacing_y": 3.0,
  "spacing_z": 3.299999952316284,
  "summary_bg_k": 132.7021550520345,
  "summary_bg_mad": 52.75638375264741,
  "summary_bg_mean": 453.4718933105469,
  "summary_bg_median": 49.083946228027344,
  "summary_bg_n": 161398.0,
  "summary_bg_p05": 3.0941463470458985,
  "summary_bg_p95": 2372.7227661132792,
  "summary_bg_stdv": 1548.61474609375,
  "summary_fg_k": 1.6623556690565566,
  "summary_fg_mad": 3643.38781080157,
  "summary_fg_mean": 23654.666015625,
  "summary_fg_median": 23185.212890625,
  "summary_fg_n": 34535.0,
  "summary_fg_p05": 17868.055078125,
  "summary_fg_p95": 30883.5634765625,
  "summary_fg_stdv": 4067.543701171875,
  "tsnr": 90.08858489990234
}