{
  "aor": 0.010692249999999999,
  "aqi": 0.012078378249999999,
  "bids_meta": {
    "AcquisitionNumber": 9,
    "BidsifyVersion": "0.3.5",
    "ConversionSoftware": "dcm2niix",
    "ConversionSoftwareVersion": "v1.0.20181125  GCC6.3.0",
    "EchoTime": 0.02762,
    "EffectiveEchoSpacing": 0.0006621159151938905,
    "ImageComments": "Piop",
    "ImageOrientationPatientDICOM": [
      0.99856,
      0.0520578,
      -0.0129312,
      -0.0532062,
      0.991867,
      -0.115626
    ],
    "Manufacturer": "Philips",
    "NumberOfVolumesDiscardedByScanner": 2,
    "ParallelAcquisitionTechnique": "SENSE",
    "ParallelReductionFactorInPlane": 2,
    "PatientPosition": "HFS",
    "PhaseEncodingDirection": "j",
    "PhilipsRescaleIntercept": 0,
    "PhilipsRescaleSlope": 0.77411,
    "PhilipsScaleSlope": 0.0581698,
    "ProtocolName": "WIPpiopanticipatieSENSE",
    "PulseSequenceType": "gradient echo EPI",
    "ReconMatrixPE": 80,
    "RepetitionTime": 2,
    "SeriesDescription": "ImageMRSERIES",
    "SeriesNumber": 9,
    "SliceEncodingDirection": "k",
    "SliceTiming": [
      0.0,
      0.0541,
      0.1081,
      0.1622,
      0.2162,
      0.2703,
      0.3243,
      0.3784,
      0.4324,
      0.4865,
      0.5405,
      0.5946,
      0.6486,
      0.7027,
      0.7568,
      0.8108,
      0.8649,
      0.9189,
      0.973,
      1.027,
      1.0811,
      1.1351,
      1.1892,
      1.2432,
      1.2973,
      1.3514,
      1.4054,
      1.4595,
      1.5135,
      1.5676,
      1.6216,
      1.6757,
      1.7297,
      1.7838,
      1.8378,
      1.8919,
      1.9459
    ],
    "TaskName": "anticipation",
    "TotalReadoutTime": 0.025822520692561732,
    "UsePhilipsFloatNotDisplayScaling": 1,
    "acq_id": "seq",
    "dataset": "ds002785",
    "modality": "bold",
    "subject_id": "0140",
    "task_id": "anticipation"
  },
  "dummy_trs": 0,
  "dvars_nstd": 26.38093890839196,
  "dvars_std": 1.1381277143718596,
  "dvars_vstd": 0.9932414792964828,
  "efc": 0.416325196211138,
  "fber": 175997.296875,
  "fd_mean": 0.216159805635652,
  "fd_num": 54,
  "fd_perc": 27.0,
  "fwhm_avg": 1.7874720284999794,
  "fwhm_x": 1.71047,
  "fwhm_y": 1.92914,
  "fwhm_z": 1.7228060854999383,
  "gcor": 0.0224773,
  "gsr_x": -0.0224510058760643,
  "gsr_y": 0.019583886489272118,
  "provenance": {
    "md5sum": "5adad8cac93ed4408fbfcd7b3f1104d5",
    "settings": {
      "fd_thres": 0.2,
      "testing": false
    },
    "software": "mriqc",
    "version": "22.0.0rc1",
    "webapi_port": null,
    "webapi_url": "https://mriqc.nimh.nih.gov/api/v1"
  },
  "size_t": 200,
  "size_x": 80,
  "size_y": 80,
  "size_z": 37,
  "snr": 5.258840513080768,
  "spacing_tr": 2.0,
  "spacing_x": 3.0,
  "spacing_y": 3.0,
  "spacing_z": 3.299999952316284,
  "summary_bg_k": 120.2720077831108,
  "summary_bg_mad": 59.95452713054394,
  "summary_bg_mean": 530.809326171875,
  "summary_bg_median": 58.374046325683594,
  "summary_bg_n": 161794.0,
  "summary_bg_p05": 5.986654806137085,
  "summary_bg_p95": 2529.838830566407,
  "summary_bg_stdv": 1781.12939453125,
  "summary_fg_k": 1.284833884233608,
  "summary_fg_mad": 4698.696541094467,
  "summary_fg_mean": 25483.134765625,
  "summary_fg_median": 24981.359375,
  "summary_fg_n": 34731.0,
  "summary_fg_p05": 18773.9931640625,
  "summary_fg_p95": 33398.779296875,
  "summary_fg_stdv": 4750.28662109375,
  "tsnr": 47.63856506347656
}