{
  "aor": 0.0015373333333333333,
  "aqi": 0.002795772,
  "bids_meta": {
    "AcquisitionNumber": 5,
    "BidsifyVersion": "0.3.5",
    "ConversionSoftware": "dcm2niix",
    "ConversionSoftwareVersion": "v1.0.20181125  GCC6.3.0",
    "EchoTime": 0.02762,
    "EffectiveEchoSpacing": 0.0006621159151938905,
    "ImageComments": "Piop",
    "ImageOrientationPatientDICOM": [
      0.99856,
      0.0520578,
      -0.0129312,
      -0.0532062,
      0.991867,
      -0.115626
    ],
    "Manufacturer": "Philips",
    "NumberOfVolumesDiscardedByScanner": 2,
    "ParallelAcquisitionTechnique": "SENSE",
    "ParallelReductionFactorInPlane": 2,
    "PatientPosition": "HFS",
    "PhaseEncodingDirection": "j",
    "PhilipsRescaleIntercept": 0,
    "PhilipsRescaleSlope": 0.78071,
    "PhilipsScaleSlope": 0.0543496,
    "ProtocolName": "WIPpiopharririSENSE",
    "PulseSequenceType": "gradient echo EPI",
    "ReconMatrixPE": 80,
    "RepetitionTime": 2,
    "SeriesDescription": "ImageMRSERIES",
    "SeriesNumber": 5,
    "SliceEncodingDirection": "k",
    "SliceTiming": [
      0.0,
      0.0541,
      0.1081,
      0.1622,
      0.2162,
      0.2703,
      0.3243,
      0.3784,
      0.4324,
      0.4865,
      0.5405,
      0.5946,
      0.6486,
      0.7027,
      0.7568,
      0.8108,
      0.8649,
      0.9189,
      0.973,
      1.027,
      1.0811,
      1.1351,
      1.1892,
      1.2432,
      1.2973,
      1.3514,
      1.4054,
      1.4595,
      1.5135,
      1.5676,
      1.6216,
      1.6757,
      1.7297,
      1.7838,
      1.8378,
      1.8919,
      1.9459
    ],
    "TaskName": "emomatching",
    "TotalReadoutTime": 0.025822520692561732,
    "UsePhilipsFloatNotDisplayScaling": 1,
    "acq_id": "seq",
    "dataset": "ds002785",
    "modality": "bold",
    "subject_id": "0140",
    "task_id": "emomatching"
  },
  "dummy_trs": 0,
  "dvars_nstd": 21.280557682462682,
  "dvars_std": 1.3237002361194024,
  "dvars_vstd": 1.0143889274626865,
  "efc": 0.41452063192457056,
  "fber": 196392.203125,
  "fd_mean": 0.11956411366938435,
  "fd_num": 9,
  "fd_perc": 6.666666666666667,
  "fwhm_avg": 1.7892541497223906,
  "fwhm_x": 1.7100966666666666,
  "fwhm_y": 1.9327233333333333,
  "fwhm_z": 1.7249424491671714,
  "gcor": 0.0275937,
  "gsr_x": -0.022038636729121208,
  "gsr_y": 0.020008254796266556,
  "provenance": {
    "md5sum": "3162af3eae309a44bc58382e4d515796",
    "settings": {
      "fd_thres": 0.2,
      "testing": false
    },
    "software": "mriqc",
    "version": "22.0.0rc1",
    "webapi_port": null,
    "webapi_url": "https://mriqc.nimh.nih.gov/api/v1"
  },
  "size_t": 135,
  "size_x": 80,
  "size_y": 80,
  "size_z": 37,
  "snr": 5.206154153498742,
  "spacing_tr": 2.0,
  "spacing_x": 3.0,
  "spacing_y": 3.0,
  "spacing_z": 3.299999952316284,
  "summary_bg_k": 131.0784587779492,
  "summary_bg_mad": 56.19000421898458,
  "summary_bg_mean": 525.546142578125,
  "summary_bg_median": 56.313743591308594,
  "summary_bg_n": 161693.0,
  "summary_bg_p05": 4.115176677703857,
  "summary_bg_p95": 2467.7744628906235,
  "summary_bg_stdv": 1851.5723876953125,
  "summary_fg_k": 1.3980450672150901,
  "summary_fg_mad": 4825.690687373337,
  "summary_fg_mean": 26105.724609375,
  "summary_fg_median": 25602.65625,
  "summary_fg_n": 34716.0,
  "summary_fg_p05": 19149.67578125,
  "summary_fg_p95": 34344.3056640625,
  "summary_fg_stdv": 4917.69677734375,
  "tsnr": 96.17767333984375
}