{
  "aor": 0.00027490853658536585,
  "aqi": 0.006484233567073172,
  "bids_meta": {
    "AcquisitionNumber": 2,
    "BidsifyVersion": "0.3.5",
    "ConversionSoftware": "dcm2niix",
    "ConversionSoftwareVersion": "v1.0.20181125  GCC6.3.0",
    "EchoTime": 0.02762,
    "EffectiveEchoSpacing": 0.0006333282667071997,
    "ImageComments": "Piop",
    "ImageOrientationPatientDICOM": [
      0.998587,
      0.0514635,
      -0.0132195,
      -0.0528581,
      0.987495,
      -0.148526
    ],
    "Manufacturer": "Philips",
    "NumberOfVolumesDiscardedByScanner": 2,
    "ParallelAcquisitionTechnique": "SENSE",
    "ParallelReductionFactorInPlane": 2,
    "PatientPosition": "HFS",
    "PhaseEncodingDirection": "j",
    "PhilipsRescaleIntercept": 0,
    "PhilipsRescaleSlope": 0.79976,
    "PhilipsScaleSlope": 0.086371,
    "ProtocolName": "WIPpiopfacesSENSE",
    "PulseSequenceType": "gradient echo EPI",
    "ReconMatrixPE": 80,
    "RepetitionTime": 0.75,
    "SeriesDescription": "ImageMRSERIES",
    "SeriesNumber": 2,
    "SliceEncodingDirection": "k",
    "SliceTiming": [
      0.0,
      0.06755050505050506,
      0.1351010101010101,
      0.20265151515151517,
      0.2702020202020202,
      0.3377525252525253,
      0.40530303030303033,
      0.47285353535353536,
      0.5404040404040404,
      0.6079545454545455,
      0.6755050505050506,
      0.7430555555555556,
      0.0,
      0.06755050505050506,
      0.1351010101010101,
      0.20265151515151517,
      0.2702020202020202,
      0.3377525252525253,
      0.40530303030303033,
      0.47285353535353536,
      0.5404040404040404,
      0.6079545454545455,
      0.6755050505050506,
      0.7430555555555556,
      0.0,
      0.06755050505050506,
      0.1351010101010101,
      0.20265151515151517,
      0.2702020202020202,
      0.3377525252525253,
      0.40530303030303033,
      0.47285353535353536,
      0.5404040404040404,
      0.6079545454545455,
      0.6755050505050506,
      0.7430555555555556
    ],
    "TaskName": "faces",
    "TotalReadoutTime": 0.024699802401580786,
    "UsePhilipsFloatNotDisplayScaling": 1,
    "acq_id": "mb3",
    "dataset": "ds002785",
    "modality": "bold",
    "subject_id": "0140",
    "task_id": "faces"
  },
  "dummy_trs": 2,
  "dvars_nstd": 21.88481870425076,
  "dvars_std": 1.1068451775535166,
  "dvars_vstd": 0.9891583849847086,
  "efc": 0.422887497497901,
  "fber": 208779.84375,
  "fd_mean": 0.10537621376736628,
  "fd_num": 9,
  "fd_perc": 2.7439024390243905,
  "fwhm_avg": 1.8952488385632982,
  "fwhm_x": 1.84778,
  "fwhm_y": 2.08413,
  "fwhm_z": 1.7538365156898945,
  "gcor": 0.0282578,
  "gsr_x": -0.024625200778245926,
  "gsr_y": 0.018554558977484703,
  "provenance": {
    "md5sum": "28411f0ec0ab003be265b858a1b4dbbc",
    "settings": {
      "fd_thres": 0.2,
      "testing": false
    },
    "software": "mriqc",
    "version": "22.0.0rc1",
    "webapi_port": null,
    "webapi_url": "https://mriqc.nimh.nih.gov/api/v1"
  },
  "size_t": 328,
  "size_x": 80,
  "size_y": 80,
  "size_z": 36,
  "snr": 6.819845517685798,
  "spacing_tr": 0.75,
  "spacing_x": 3.0,
  "spacing_y": 3.0,
  "spacing_z": 3.299999713897705,
  "summary_bg_k": 96.937574532838,
  "summary_bg_mad": 40.61000796278796,
  "summary_bg_mean": 389.84930419921875,
  "summary_bg_median": 39.90974044799805,
  "summary_bg_n": 156581.0,
  "summary_bg_p05": 2.736708164215088,
  "summary_bg_p95": 1794.4022216796875,
  "summary_bg_stdv": 1268.297607421875,
  "summary_fg_k": 1.078977871108151,
  "summary_fg_mad": 2624.8024424912674,
  "summary_fg_mean": 18567.080078125,
  "summary_fg_median": 18448.591796875,
  "summary_fg_n": 34125.0,
  "summary_fg_p05": 14462.59453125,
  "summary_fg_p95": 22988.874609375,
  "summary_fg_stdv": 2705.09375,
  "tsnr": 67.91329956054688
}