{
  "aor": 0.0010768148148148145,
  "aqi": 0.004260058000000001,
  "bids_meta": {
    "AcquisitionNumber": 5,
    "BidsifyVersion": "0.3.5",
    "ConversionSoftware": "dcm2niix",
    "ConversionSoftwareVersion": "v1.0.20181125  GCC6.3.0",
    "EchoTime": 0.02762,
    "EffectiveEchoSpacing": 0.0006621159151938905,
    "ImageComments": "piop",
    "ImageOrientationPatientDICOM": [
      0.998306,
      -0.054453,
      -0.0204961,
      0.0495239,
      0.980166,
      -0.191889
    ],
    "Manufacturer": "Philips",
    "NumberOfVolumesDiscardedByScanner": 2,
    "ParallelAcquisitionTechnique": "SENSE",
    "ParallelReductionFactorInPlane": 2,
    "PatientPosition": "HFS",
    "PhaseEncodingDirection": "j",
    "PhilipsRescaleIntercept": 0,
    "PhilipsRescaleSlope": 0.79292,
    "PhilipsScaleSlope": 0.0641032,
    "ProtocolName": "WIPpiopharririSENSE",
    "PulseSequenceType": "gradient echo EPI",
    "ReconMatrixPE": 80,
    "RepetitionTime": 2,
    "SeriesDescription": "ImageMRSERIES",
    "SeriesNumber": 5,
    "SliceEncodingDirection": "k",
    "SliceTiming": [
      0.0,
      0.0541,
      0.1081,
      0.1622,
      0.2162,
      0.2703,
      0.3243,
      0.3784,
      0.4324,
      0.4865,
      0.5405,
      0.5946,
      0.6486,
      0.7027,
      0.7568,
      0.8108,
      0.8649,
      0.9189,
      0.973,
      1.027,
      1.0811,
      1.1351,
      1.1892,
      1.2432,
      1.2973,
      1.3514,
      1.4054,
      1.4595,
      1.5135,
      1.5676,
      1.6216,
      1.6757,
      1.7297,
      1.7838,
      1.8378,
      1.8919,
      1.9459
    ],
    "TaskName": "emomatching",
    "TotalReadoutTime": 0.025822520692561732,
    "UsePhilipsFloatNotDisplayScaling": 1,
    "acq_id": "seq",
    "dataset": "ds002785",
    "modality": "bold",
    "subject_id": "0035",
    "task_id": "emomatching"
  },
  "dummy_trs": 0,
  "dvars_nstd": 25.6292882747015,
  "dvars_std": 1.3706103702238803,
  "dvars_vstd": 1.011433202910448,
  "efc": 0.43093997361095526,
  "fber": 123838.671875,
  "fd_mean": 0.12478042999901275,
  "fd_num": 6,
  "fd_perc": 4.444444444444445,
  "fwhm_avg": 1.6932540484207432,
  "fwhm_x": 1.6266800000000001,
  "fwhm_y": 1.78867,
  "fwhm_z": 1.6644121452622291,
  "gcor": 0.029779,
  "gsr_x": -0.014519874937832355,
  "gsr_y": 0.016932666301727295,
  "provenance": {
    "md5sum": "35f8ff2c88d9201b6d2f0581ee0fd23a",
    "settings": {
      "fd_thres": 0.2,
      "testing": false
    },
    "software": "mriqc",
    "version": "22.0.0rc1",
    "webapi_port": null,
    "webapi_url": "https://mriqc.nimh.nih.gov/api/v1"
  },
  "size_t": 135,
  "size_x": 80,
  "size_y": 80,
  "size_z": 37,
  "snr": 5.4351923086797065,
  "spacing_tr": 2.0,
  "spacing_x": 3.0,
  "spacing_y": 3.0,
  "spacing_z": 3.299999952316284,
  "summary_bg_k": 143.59296378120624,
  "summary_bg_mad": 61.551806716769306,
  "summary_bg_mean": 525.9772338867188,
  "summary_bg_median": 62.269317626953125,
  "summary_bg_n": 158862.0,
  "summary_bg_p05": 5.4919508934021,
  "summary_bg_p95": 2463.4057739257787,
  "summary_bg_stdv": 1799.6068115234375,
  "summary_fg_k": 2.351538819604727,
  "summary_fg_mad": 3780.794921099476,
  "summary_fg_mean": 22950.8203125,
  "summary_fg_median": 22475.103515625,
  "summary_fg_n": 37210.0,
  "summary_fg_p05": 17358.28828125,
  "summary_fg_p95": 29700.774511718748,
  "summary_fg_stdv": 4135.0517578125,
  "tsnr": 84.46886444091797
}