{
  "aor": 0.00494472049689441,
  "aqi": 0.012794935403726707,
  "bids_meta": {
    "AcquisitionNumber": 8,
    "BidsifyVersion": "0.3.5",
    "ConversionSoftware": "dcm2niix",
    "ConversionSoftwareVersion": "v1.0.20181125  GCC6.3.0",
    "EchoTime": 0.02762,
    "EffectiveEchoSpacing": 0.0006621159151938905,
    "ImageComments": "piop",
    "ImageOrientationPatientDICOM": [
      0.998306,
      -0.054453,
      -0.0204961,
      0.0495239,
      0.980166,
      -0.191889
    ],
    "Manufacturer": "Philips",
    "NumberOfVolumesDiscardedByScanner": 2,
    "ParallelAcquisitionTechnique": "SENSE",
    "ParallelReductionFactorInPlane": 2,
    "PatientPosition": "HFS",
    "PhaseEncodingDirection": "j",
    "PhilipsRescaleIntercept": 0,
    "PhilipsRescaleSlope": 0.79219,
    "PhilipsScaleSlope": 0.0649698,
    "ProtocolName": "WIPpiopwmSENSE",
    "PulseSequenceType": "gradient echo EPI",
    "ReconMatrixPE": 80,
    "RepetitionTime": 2,
    "SeriesDescription": "ImageMRSERIES",
    "SeriesNumber": 8,
    "SliceEncodingDirection": "k",
    "SliceTiming": [
      0.0,
      0.0541,
      0.1081,
      0.1622,
      0.2162,
      0.2703,
      0.3243,
      0.3784,
      0.4324,
      0.4865,
      0.5405,
      0.5946,
      0.6486,
      0.7027,
      0.7568,
      0.8108,
      0.8649,
      0.9189,
      0.973,
      1.027,
      1.0811,
      1.1351,
      1.1892,
      1.2432,
      1.2973,
      1.3514,
      1.4054,
      1.4595,
      1.5135,
      1.5676,
      1.6216,
      1.6757,
      1.7297,
      1.7838,
      1.8378,
      1.8919,
      1.9459
    ],
    "TaskName": "workingmemory",
    "TotalReadoutTime": 0.025822520692561732,
    "UsePhilipsFloatNotDisplayScaling": 1,
    "acq_id": "seq",
    "dataset": "ds002785",
    "modality": "bold",
    "subject_id": "0035",
    "task_id": "workingmemory"
  },
  "dummy_trs": 1,
  "dvars_nstd": 25.96616660368749,
  "dvars_std": 1.248396788312499,
  "dvars_vstd": 0.9848765811249999,
  "efc": 0.4330692386539901,
  "fber": 114574.984375,
  "fd_mean": 0.16167810062600935,
  "fd_num": 30,
  "fd_perc": 18.633540372670808,
  "fwhm_avg": 1.6797747550687767,
  "fwhm_x": 1.64584,
  "fwhm_y": 1.8168266666666666,
  "fwhm_z": 1.5766575985396645,
  "gcor": 0.0103868,
  "gsr_x": -0.015578126534819603,
  "gsr_y": 0.01680935174226761,
  "provenance": {
    "md5sum": "77935c205ed6bb426d613079b765bd84",
    "settings": {
      "fd_thres": 0.2,
      "testing": false
    },
    "software": "mriqc",
    "version": "22.0.0rc1",
    "webapi_port": null,
    "webapi_url": "https://mriqc.nimh.nih.gov/api/v1"
  },
  "size_t": 161,
  "size_x": 80,
  "size_y": 80,
  "size_z": 37,
  "snr": 5.4051723785312,
  "spacing_tr": 2.0,
  "spacing_x": 3.0,
  "spacing_y": 3.0,
  "spacing_z": 3.299999952316284,
  "summary_bg_k": 141.6556971926185,
  "summary_bg_mad": 67.69799811144142,
  "summary_bg_mean": 527.600341796875,
  "summary_bg_median": 63.51763916015625,
  "summary_bg_n": 158582.0,
  "summary_bg_p05": 5.010995554924011,
  "summary_bg_p95": 2479.725439453108,
  "summary_bg_stdv": 1776.3709716796875,
  "summary_fg_k": 2.7741461421697844,
  "summary_fg_mad": 3703.773446277364,
  "summary_fg_mean": 22439.94921875,
  "summary_fg_median": 21947.64453125,
  "summary_fg_n": 37272.0,
  "summary_fg_p05": 16995.91865234375,
  "summary_fg_p95": 29174.745996093745,
  "summary_fg_stdv": 4060.434814453125,
  "tsnr": 52.86723709106445
}