{
  "aor": 0.0030817142857142857,
  "aqi": 0.008221899061224489,
  "bids_meta": {
    "AcquisitionNumber": 3,
    "BidsifyVersion": "0.3.5",
    "ConversionSoftware": "dcm2niix",
    "ConversionSoftwareVersion": "v1.0.20181125  GCC6.3.0",
    "EchoTime": 0.02762,
    "EffectiveEchoSpacing": 0.0006621159151938905,
    "ImageComments": "piop",
    "ImageOrientationPatientDICOM": [
      0.998306,
      -0.054453,
      -0.0204961,
      0.0495239,
      0.980166,
      -0.191889
    ],
    "Manufacturer": "Philips",
    "NumberOfVolumesDiscardedByScanner": 2,
    "ParallelAcquisitionTechnique": "SENSE",
    "ParallelReductionFactorInPlane": 2,
    "PatientPosition": "HFS",
    "PhaseEncodingDirection": "j",
    "PhilipsRescaleIntercept": 0,
    "PhilipsRescaleSlope": 0.77265,
    "PhilipsScaleSlope": 0.0626776,
    "ProtocolName": "WIPpiopgstroopSENSE",
    "PulseSequenceType": "gradient echo EPI",
    "ReconMatrixPE": 80,
    "RepetitionTime": 2,
    "SeriesDescription": "ImageMRSERIES",
    "SeriesNumber": 3,
    "SliceEncodingDirection": "k",
    "SliceTiming": [
      0.0,
      0.0541,
      0.1081,
      0.1622,
      0.2162,
      0.2703,
      0.3243,
      0.3784,
      0.4324,
      0.4865,
      0.5405,
      0.5946,
      0.6486,
      0.7027,
      0.7568,
      0.8108,
      0.8649,
      0.9189,
      0.973,
      1.027,
      1.0811,
      1.1351,
      1.1892,
      1.2432,
      1.2973,
      1.3514,
      1.4054,
      1.4595,
      1.5135,
      1.5676,
      1.6216,
      1.6757,
      1.7297,
      1.7838,
      1.8378,
      1.8919,
      1.9459
    ],
    "TaskName": "gstroop",
    "TotalReadoutTime": 0.025822520692561732,
    "UsePhilipsFloatNotDisplayScaling": 1,
    "acq_id": "seq",
    "dataset": "ds002785",
    "modality": "bold",
    "subject_id": "0035",
    "task_id": "gstroop"
  },
  "dummy_trs": 0,
  "dvars_nstd": 27.12196638549181,
  "dvars_std": 1.3336132111475418,
  "dvars_vstd": 0.9745400918032788,
  "efc": 0.42972180859290376,
  "fber": 116561.65625,
  "fd_mean": 0.12714610153800388,
  "fd_num": 13,
  "fd_perc": 5.3061224489795915,
  "fwhm_avg": 1.6762200078952674,
  "fwhm_x": 1.6124599999999998,
  "fwhm_y": 1.7770000000000001,
  "fwhm_z": 1.6392000236858026,
  "gcor": 0.0356067,
  "gsr_x": -0.014220353215932846,
  "gsr_y": 0.01785382628440857,
  "provenance": {
    "md5sum": "6bc67056f8f532e3bf920bd26689d894",
    "settings": {
      "fd_thres": 0.2,
      "testing": false
    },
    "software": "mriqc",
    "version": "22.0.0rc1",
    "webapi_port": null,
    "webapi_url": "https://mriqc.nimh.nih.gov/api/v1"
  },
  "size_t": 245,
  "size_x": 80,
  "size_y": 80,
  "size_z": 37,
  "snr": 5.553519703023698,
  "spacing_tr": 2.0,
  "spacing_x": 3.0,
  "spacing_y": 3.0,
  "spacing_z": 3.299999952316284,
  "summary_bg_k": 161.9793671760083,
  "summary_bg_mad": 67.6893364396212,
  "summary_bg_mean": 524.0172119140625,
  "summary_bg_median": 64.40623474121094,
  "summary_bg_n": 159183.0,
  "summary_bg_p05": 5.293238735198974,
  "summary_bg_p95": 2398.3727539062484,
  "summary_bg_stdv": 1838.63818359375,
  "summary_fg_k": 2.275407677566384,
  "summary_fg_mad": 3731.2551579076912,
  "summary_fg_mean": 23010.8359375,
  "summary_fg_median": 22551.1328125,
  "summary_fg_n": 36917.0,
  "summary_fg_p05": 17534.757421875,
  "summary_fg_p95": 29711.882421874994,
  "summary_fg_stdv": 4060.636962890625,
  "tsnr": 63.216575622558594
}