{
  "aor": 0.0006585454545454546,
  "aqi": 0.011614087333333334,
  "bids_meta": {
    "AcquisitionNumber": 2,
    "BidsifyVersion": "0.3.5",
    "ConversionSoftware": "dcm2niix",
    "ConversionSoftwareVersion": "v1.0.20181125  GCC6.3.0",
    "EchoTime": 0.02762,
    "EffectiveEchoSpacing": 0.0006333282667071997,
    "ImageComments": "piop",
    "ImageOrientationPatientDICOM": [
      0.998306,
      -0.054453,
      -0.0204961,
      0.0495239,
      0.980166,
      -0.191889
    ],
    "Manufacturer": "Philips",
    "NumberOfVolumesDiscardedByScanner": 2,
    "ParallelAcquisitionTechnique": "SENSE",
    "ParallelReductionFactorInPlane": 2,
    "PatientPosition": "HFS",
    "PhaseEncodingDirection": "j",
    "PhilipsRescaleIntercept": 0,
    "PhilipsRescaleSlope": 0.78315,
    "PhilipsScaleSlope": 0.0936219,
    "ProtocolName": "WIPpiopfacesSENSE",
    "PulseSequenceType": "gradient echo EPI",
    "ReconMatrixPE": 80,
    "RepetitionTime": 0.75,
    "SeriesDescription": "ImageMRSERIES",
    "SeriesNumber": 2,
    "SliceEncodingDirection": "k",
    "SliceTiming": [
      0.0,
      0.06755050505050506,
      0.1351010101010101,
      0.20265151515151517,
      0.2702020202020202,
      0.3377525252525253,
      0.40530303030303033,
      0.47285353535353536,
      0.5404040404040404,
      0.6079545454545455,
      0.6755050505050506,
      0.7430555555555556,
      0.0,
      0.06755050505050506,
      0.1351010101010101,
      0.20265151515151517,
      0.2702020202020202,
      0.3377525252525253,
      0.40530303030303033,
      0.47285353535353536,
      0.5404040404040404,
      0.6079545454545455,
      0.6755050505050506,
      0.7430555555555556,
      0.0,
      0.06755050505050506,
      0.1351010101010101,
      0.20265151515151517,
      0.2702020202020202,
      0.3377525252525253,
      0.40530303030303033,
      0.47285353535353536,
      0.5404040404040404,
      0.6079545454545455,
      0.6755050505050506,
      0.7430555555555556
    ],
    "TaskName": "faces",
    "TotalReadoutTime": 0.024699802401580786,
    "UsePhilipsFloatNotDisplayScaling": 1,
    "acq_id": "mb3",
    "dataset": "ds002785",
    "modality": "bold",
    "subject_id": "0035",
    "task_id": "faces"
  },
  "dummy_trs": 0,
  "dvars_nstd": 29.41398988145896,
  "dvars_std": 1.1268490856534954,
  "dvars_vstd": 1.0132160419452891,
  "efc": 0.43617575822055243,
  "fber": 129906.7578125,
  "fd_mean": 0.12691295533429153,
  "fd_num": 29,
  "fd_perc": 8.787878787878787,
  "fwhm_avg": 1.6741627350680588,
  "fwhm_x": 1.60886,
  "fwhm_y": 1.7951766666666666,
  "fwhm_z": 1.61845153853751,
  "gcor": 0.0206903,
  "gsr_x": -0.015224126167595387,
  "gsr_y": 0.014111208729445934,
  "provenance": {
    "md5sum": "a9406db1ba83e540f98364b7f841a684",
    "settings": {
      "fd_thres": 0.2,
      "testing": false
    },
    "software": "mriqc",
    "version": "22.0.0rc1",
    "webapi_port": null,
    "webapi_url": "https://mriqc.nimh.nih.gov/api/v1"
  },
  "size_t": 330,
  "size_x": 80,
  "size_y": 80,
  "size_z": 36,
  "snr": 6.977242216554201,
  "spacing_tr": 0.75,
  "spacing_x": 3.0,
  "spacing_y": 3.0,
  "spacing_z": 3.299999952316284,
  "summary_bg_k": 107.02029805839817,
  "summary_bg_mad": 50.68045347965719,
  "summary_bg_mean": 403.0942077636719,
  "summary_bg_median": 47.65763854980469,
  "summary_bg_n": 154044.0,
  "summary_bg_p05": 3.5712972402572634,
  "summary_bg_p95": 1837.3101806640643,
  "summary_bg_stdv": 1302.3734130859375,
  "summary_fg_k": 1.7611708835553541,
  "summary_fg_mad": 2319.5948764160908,
  "summary_fg_mean": 17607.84765625,
  "summary_fg_median": 17483.666015625,
  "summary_fg_n": 36375.0,
  "summary_fg_p05": 13870.27802734375,
  "summary_fg_p95": 21691.420703124997,
  "summary_fg_stdv": 2505.77880859375,
  "tsnr": 50.20132064819336
}