{
  "aor": 0.00547445,
  "aqi": 0.009227406899999999,
  "bids_meta": {
    "AcquisitionNumber": 9,
    "BidsifyVersion": "0.3.5",
    "ConversionSoftware": "dcm2niix",
    "ConversionSoftwareVersion": "v1.0.20181125  GCC6.3.0",
    "EchoTime": 0.02762,
    "EffectiveEchoSpacing": 0.0006621159151938905,
    "ImageComments": "piop",
    "ImageOrientationPatientDICOM": [
      0.998306,
      -0.054453,
      -0.0204961,
      0.0495239,
      0.980166,
      -0.191889
    ],
    "Manufacturer": "Philips",
    "NumberOfVolumesDiscardedByScanner": 2,
    "ParallelAcquisitionTechnique": "SENSE",
    "ParallelReductionFactorInPlane": 2,
    "PatientPosition": "HFS",
    "PhaseEncodingDirection": "j",
    "PhilipsRescaleIntercept": 0,
    "PhilipsRescaleSlope": 0.7939,
    "PhilipsScaleSlope": 0.0623551,
    "ProtocolName": "WIPpiopanticipatieSENSE",
    "PulseSequenceType": "gradient echo EPI",
    "ReconMatrixPE": 80,
    "RepetitionTime": 2,
    "SeriesDescription": "ImageMRSERIES",
    "SeriesNumber": 9,
    "SliceEncodingDirection": "k",
    "SliceTiming": [
      0.0,
      0.0541,
      0.1081,
      0.1622,
      0.2162,
      0.2703,
      0.3243,
      0.3784,
      0.4324,
      0.4865,
      0.5405,
      0.5946,
      0.6486,
      0.7027,
      0.7568,
      0.8108,
      0.8649,
      0.9189,
      0.973,
      1.027,
      1.0811,
      1.1351,
      1.1892,
      1.2432,
      1.2973,
      1.3514,
      1.4054,
      1.4595,
      1.5135,
      1.5676,
      1.6216,
      1.6757,
      1.7297,
      1.7838,
      1.8378,
      1.8919,
      1.9459
    ],
    "TaskName": "anticipation",
    "TotalReadoutTime": 0.025822520692561732,
    "UsePhilipsFloatNotDisplayScaling": 1,
    "acq_id": "seq",
    "dataset": "ds002785",
    "modality": "bold",
    "subject_id": "0035",
    "task_id": "anticipation"
  },
  "dummy_trs": 0,
  "dvars_nstd": 26.56351361703518,
  "dvars_std": 1.3037984680402002,
  "dvars_vstd": 1.0311803295979902,
  "efc": 0.43182455917786267,
  "fber": 122099.1484375,
  "fd_mean": 0.1866143921149326,
  "fd_num": 47,
  "fd_perc": 23.5,
  "fwhm_avg": 1.689707078680468,
  "fwhm_x": 1.6242666666666665,
  "fwhm_y": 1.7894333333333332,
  "fwhm_z": 1.6554212360414047,
  "gcor": 0.0222217,
  "gsr_x": -0.014978848397731781,
  "gsr_y": 0.017520176246762276,
  "provenance": {
    "md5sum": "e99128803d9ade1acc93b5772f9c7cff",
    "settings": {
      "fd_thres": 0.2,
      "testing": false
    },
    "software": "mriqc",
    "version": "22.0.0rc1",
    "webapi_port": null,
    "webapi_url": "https://mriqc.nimh.nih.gov/api/v1"
  },
  "size_t": 200,
  "size_x": 80,
  "size_y": 80,
  "size_z": 37,
  "snr": 5.445052073976834,
  "spacing_tr": 2.0,
  "spacing_x": 3.0,
  "spacing_y": 3.0,
  "spacing_z": 3.299999952316284,
  "summary_bg_k": 145.20505284649929,
  "summary_bg_mad": 61.15258508762914,
  "summary_bg_mean": 520.7695922851562,
  "summary_bg_median": 60.80438232421875,
  "summary_bg_n": 158867.0,
  "summary_bg_p05": 5.291991472244263,
  "summary_bg_p95": 2429.5882812499963,
  "summary_bg_stdv": 1782.4215087890625,
  "summary_fg_k": 2.4045294784560998,
  "summary_fg_mad": 3659.2012692298104,
  "summary_fg_mean": 22303.11328125,
  "summary_fg_median": 21830.28125,
  "summary_fg_n": 37152.0,
  "summary_fg_p05": 16918.14384765625,
  "summary_fg_p95": 28859.888281249998,
  "summary_fg_stdv": 4009.14208984375,
  "tsnr": 62.272003173828125
}