{
  "aor": 0.002797224489795918,
  "aqi": 0.011389358000000002,
  "bids_meta": {
    "AcquisitionNumber": 3,
    "BidsifyVersion": "0.3.5",
    "ConversionSoftware": "dcm2niix",
    "ConversionSoftwareVersion": "v1.0.20181125  GCC6.3.0",
    "EchoTime": 0.02762,
    "EffectiveEchoSpacing": 0.0006621159151938905,
    "ImageComments": "Piop",
    "ImageOrientationPatientDICOM": [
      0.998465,
      -0.0209148,
      0.0512763,
      0.0364376,
      0.945385,
      -0.323914
    ],
    "Manufacturer": "Philips",
    "NumberOfVolumesDiscardedByScanner": 2,
    "ParallelAcquisitionTechnique": "SENSE",
    "ParallelReductionFactorInPlane": 2,
    "PatientPosition": "HFS",
    "PhaseEncodingDirection": "j",
    "PhilipsRescaleIntercept": 0,
    "PhilipsRescaleSlope": 0.75849,
    "PhilipsScaleSlope": 0.0754689,
    "ProtocolName": "WIPpiopgstroopSENSE",
    "PulseSequenceType": "gradient echo EPI",
    "ReconMatrixPE": 80,
    "RepetitionTime": 2,
    "SeriesDescription": "ImageMRSERIES",
    "SeriesNumber": 3,
    "SliceEncodingDirection": "k",
    "SliceTiming": [
      0.0,
      0.0541,
      0.1081,
      0.1622,
      0.2162,
      0.2703,
      0.3243,
      0.3784,
      0.4324,
      0.4865,
      0.5405,
      0.5946,
      0.6486,
      0.7027,
      0.7568,
      0.8108,
      0.8649,
      0.9189,
      0.973,
      1.027,
      1.0811,
      1.1351,
      1.1892,
      1.2432,
      1.2973,
      1.3514,
      1.4054,
      1.4595,
      1.5135,
      1.5676,
      1.6216,
      1.6757,
      1.7297,
      1.7838,
      1.8378,
      1.8919,
      1.9459
    ],
    "TaskName": "gstroop",
    "TotalReadoutTime": 0.025822520692561732,
    "UsePhilipsFloatNotDisplayScaling": 1,
    "acq_id": "seq",
    "dataset": "ds002785",
    "modality": "bold",
    "subject_id": "0180",
    "task_id": "gstroop"
  },
  "dummy_trs": 0,
  "dvars_nstd": 22.54561500860655,
  "dvars_std": 1.1828190161885253,
  "dvars_vstd": 0.9661053886885245,
  "efc": 0.4123995158204857,
  "fber": 162544.875,
  "fd_mean": 0.15695900792893852,
  "fd_num": 48,
  "fd_perc": 19.591836734693878,
  "fwhm_avg": 1.8359678870666887,
  "fwhm_x": 1.8180500000000002,
  "fwhm_y": 1.9710233333333333,
  "fwhm_z": 1.7188303278667323,
  "gcor": 0.0191457,
  "gsr_x": -0.01705964095890522,
  "gsr_y": 0.011098700575530529,
  "provenance": {
    "md5sum": "3c442cc3da7a56fa6542f817066bea43",
    "settings": {
      "fd_thres": 0.2,
      "testing": false
    },
    "software": "mriqc",
    "version": "22.0.0rc1",
    "webapi_port": null,
    "webapi_url": "https://mriqc.nimh.nih.gov/api/v1"
  },
  "size_t": 245,
  "size_x": 80,
  "size_y": 80,
  "size_z": 37,
  "snr": 6.025088793778891,
  "spacing_tr": 2.0,
  "spacing_x": 3.0,
  "spacing_y": 3.0,
  "spacing_z": 3.299999952316284,
  "summary_bg_k": 56.420214262264544,
  "summary_bg_mad": 56.505688646935944,
  "summary_bg_mean": 532.6673583984375,
  "summary_bg_median": 55.19438171386719,
  "summary_bg_n": 163414.0,
  "summary_bg_p05": 6.458777666091919,
  "summary_bg_p95": 2670.6278442382823,
  "summary_bg_stdv": 1684.2646484375,
  "summary_fg_k": 1.0725281236018658,
  "summary_fg_mad": 3619.8486048753357,
  "summary_fg_mean": 23055.216796875,
  "summary_fg_median": 22813.50390625,
  "summary_fg_n": 32095.0,
  "summary_fg_p05": 17183.185546875,
  "summary_fg_p95": 29382.240234375,
  "summary_fg_stdv": 3786.35888671875,
  "tsnr": 55.01692581176758
}