{
  "aor": 0.0037730500000000004,
  "aqi": 0.0129527086,
  "bids_meta": {
    "AcquisitionNumber": 9,
    "BidsifyVersion": "0.3.5",
    "ConversionSoftware": "dcm2niix",
    "ConversionSoftwareVersion": "v1.0.20181125  GCC6.3.0",
    "EchoTime": 0.02762,
    "EffectiveEchoSpacing": 0.0006621159151938905,
    "ImageComments": "Piop",
    "ImageOrientationPatientDICOM": [
      0.998465,
      -0.0209148,
      0.0512763,
      0.0364376,
      0.945385,
      -0.323914
    ],
    "Manufacturer": "Philips",
    "NumberOfVolumesDiscardedByScanner": 2,
    "ParallelAcquisitionTechnique": "SENSE",
    "ParallelReductionFactorInPlane": 2,
    "PatientPosition": "HFS",
    "PhaseEncodingDirection": "j",
    "PhilipsRescaleIntercept": 0,
    "PhilipsRescaleSlope": 0.83077,
    "PhilipsScaleSlope": 0.0667429,
    "ProtocolName": "WIPpiopanticipatieSENSE",
    "PulseSequenceType": "gradient echo EPI",
    "ReconMatrixPE": 80,
    "RepetitionTime": 2,
    "SeriesDescription": "ImageMRSERIES",
    "SeriesNumber": 9,
    "SliceEncodingDirection": "k",
    "SliceTiming": [
      0.0,
      0.0541,
      0.1081,
      0.1622,
      0.2162,
      0.2703,
      0.3243,
      0.3784,
      0.4324,
      0.4865,
      0.5405,
      0.5946,
      0.6486,
      0.7027,
      0.7568,
      0.8108,
      0.8649,
      0.9189,
      0.973,
      1.027,
      1.0811,
      1.1351,
      1.1892,
      1.2432,
      1.2973,
      1.3514,
      1.4054,
      1.4595,
      1.5135,
      1.5676,
      1.6216,
      1.6757,
      1.7297,
      1.7838,
      1.8378,
      1.8919,
      1.9459
    ],
    "TaskName": "anticipation",
    "TotalReadoutTime": 0.025822520692561732,
    "UsePhilipsFloatNotDisplayScaling": 1,
    "acq_id": "seq",
    "dataset": "ds002785",
    "modality": "bold",
    "subject_id": "0180",
    "task_id": "anticipation"
  },
  "dummy_trs": 0,
  "dvars_nstd": 21.682368321306534,
  "dvars_std": 1.0850737527638188,
  "dvars_vstd": 0.9435126107537697,
  "efc": 0.41231376952257975,
  "fber": 156923.734375,
  "fd_mean": 0.17105632197930087,
  "fd_num": 39,
  "fd_perc": 19.5,
  "fwhm_avg": 1.859289604308158,
  "fwhm_x": 1.83065,
  "fwhm_y": 2.0139066666666667,
  "fwhm_z": 1.7333121462578072,
  "gcor": 0.0231736,
  "gsr_x": -0.01742706634104252,
  "gsr_y": 0.013769755139946938,
  "provenance": {
    "md5sum": "213dfb91060d75891ac784c5553b0905",
    "settings": {
      "fd_thres": 0.2,
      "testing": false
    },
    "software": "mriqc",
    "version": "22.0.0rc1",
    "webapi_port": null,
    "webapi_url": "https://mriqc.nimh.nih.gov/api/v1"
  },
  "size_t": 200,
  "size_x": 80,
  "size_y": 80,
  "size_z": 37,
  "snr": 5.929297586702909,
  "spacing_tr": 2.0,
  "spacing_x": 3.0,
  "spacing_y": 3.0,
  "spacing_z": 3.299999952316284,
  "summary_bg_k": 51.97041350544684,
  "summary_bg_mad": 61.05284436716842,
  "summary_bg_mean": 546.7583618164062,
  "summary_bg_median": 56.86648178100586,
  "summary_bg_n": 163577.0,
  "summary_bg_p05": 5.285771751403809,
  "summary_bg_p95": 2809.2057128906204,
  "summary_bg_stdv": 1686.876220703125,
  "summary_fg_k": 1.1573127356319342,
  "summary_fg_mad": 3654.964849218729,
  "summary_fg_mean": 23221.34375,
  "summary_fg_median": 22985.21484375,
  "summary_fg_n": 31983.0,
  "summary_fg_p05": 17216.96796875,
  "summary_fg_p95": 29697.213476562498,
  "summary_fg_stdv": 3876.48876953125,
  "tsnr": 49.74211883544922
}