{
  "aor": 0.006457555555555556,
  "aqi": 0.010140253037037038,
  "bids_meta": {
    "AcquisitionNumber": 5,
    "BidsifyVersion": "0.3.5",
    "ConversionSoftware": "dcm2niix",
    "ConversionSoftwareVersion": "v1.0.20181125  GCC6.3.0",
    "EchoTime": 0.02762,
    "EffectiveEchoSpacing": 0.0006621159151938905,
    "ImageComments": "Piop",
    "ImageOrientationPatientDICOM": [
      0.998465,
      -0.0209148,
      0.0512763,
      0.0364376,
      0.945385,
      -0.323914
    ],
    "Manufacturer": "Philips",
    "NumberOfVolumesDiscardedByScanner": 2,
    "ParallelAcquisitionTechnique": "SENSE",
    "ParallelReductionFactorInPlane": 2,
    "PatientPosition": "HFS",
    "PhaseEncodingDirection": "j",
    "PhilipsRescaleIntercept": 0,
    "PhilipsRescaleSlope": 0.79121,
    "PhilipsScaleSlope": 0.0728224,
    "ProtocolName": "WIPpiopharririSENSE",
    "PulseSequenceType": "gradient echo EPI",
    "ReconMatrixPE": 80,
    "RepetitionTime": 2,
    "SeriesDescription": "ImageMRSERIES",
    "SeriesNumber": 5,
    "SliceEncodingDirection": "k",
    "SliceTiming": [
      0.0,
      0.0541,
      0.1081,
      0.1622,
      0.2162,
      0.2703,
      0.3243,
      0.3784,
      0.4324,
      0.4865,
      0.5405,
      0.5946,
      0.6486,
      0.7027,
      0.7568,
      0.8108,
      0.8649,
      0.9189,
      0.973,
      1.027,
      1.0811,
      1.1351,
      1.1892,
      1.2432,
      1.2973,
      1.3514,
      1.4054,
      1.4595,
      1.5135,
      1.5676,
      1.6216,
      1.6757,
      1.7297,
      1.7838,
      1.8378,
      1.8919,
      1.9459
    ],
    "TaskName": "emomatching",
    "TotalReadoutTime": 0.025822520692561732,
    "UsePhilipsFloatNotDisplayScaling": 1,
    "acq_id": "seq",
    "dataset": "ds002785",
    "modality": "bold",
    "subject_id": "0180",
    "task_id": "emomatching"
  },
  "dummy_trs": 0,
  "dvars_nstd": 23.274899582761197,
  "dvars_std": 1.198061912462687,
  "dvars_vstd": 0.9864767870895521,
  "efc": 0.4113949665204797,
  "fber": 166043.40625,
  "fd_mean": 0.18677691700464163,
  "fd_num": 43,
  "fd_perc": 31.85185185185185,
  "fwhm_avg": 1.8649708164805716,
  "fwhm_x": 1.8458066666666666,
  "fwhm_y": 2.0051633333333334,
  "fwhm_z": 1.7439424494417142,
  "gcor": 0.0301764,
  "gsr_x": -0.01735370047390461,
  "gsr_y": 0.013127361424267292,
  "provenance": {
    "md5sum": "31d37a88a816fe35fb5566ac7ec9ed19",
    "settings": {
      "fd_thres": 0.2,
      "testing": false
    },
    "software": "mriqc",
    "version": "22.0.0rc1",
    "webapi_port": null,
    "webapi_url": "https://mriqc.nimh.nih.gov/api/v1"
  },
  "size_t": 135,
  "size_x": 80,
  "size_y": 80,
  "size_z": 37,
  "snr": 5.8757537769967225,
  "spacing_tr": 2.0,
  "spacing_x": 3.0,
  "spacing_y": 3.0,
  "spacing_z": 3.299999952316284,
  "summary_bg_k": 53.67137217970397,
  "summary_bg_mad": 56.564446906131685,
  "summary_bg_mean": 537.681396484375,
  "summary_bg_median": 54.84877395629883,
  "summary_bg_n": 163611.0,
  "summary_bg_p05": 5.577926397323608,
  "summary_bg_p95": 2716.21923828125,
  "summary_bg_stdv": 1687.4825439453125,
  "summary_fg_k": 0.9986861530287015,
  "summary_fg_mad": 3693.692040762272,
  "summary_fg_mean": 23153.822265625,
  "summary_fg_median": 22895.068359375,
  "summary_fg_n": 31911.0,
  "summary_fg_p05": 17135.25,
  "summary_fg_p95": 29730.3779296875,
  "summary_fg_stdv": 3896.471923828125,
  "tsnr": 56.84819793701172
}