{
  "aor": 0.007741172839506173,
  "aqi": 0.011237258703703705,
  "bids_meta": {
    "AcquisitionNumber": 8,
    "BidsifyVersion": "0.3.5",
    "ConversionSoftware": "dcm2niix",
    "ConversionSoftwareVersion": "v1.0.20181125  GCC6.3.0",
    "EchoTime": 0.02762,
    "EffectiveEchoSpacing": 0.0006621159151938905,
    "ImageComments": "Piop",
    "ImageOrientationPatientDICOM": [
      0.998465,
      -0.0209148,
      0.0512763,
      0.0364376,
      0.945385,
      -0.323914
    ],
    "Manufacturer": "Philips",
    "NumberOfVolumesDiscardedByScanner": 2,
    "ParallelAcquisitionTechnique": "SENSE",
    "ParallelReductionFactorInPlane": 2,
    "PatientPosition": "HFS",
    "PhaseEncodingDirection": "j",
    "PhilipsRescaleIntercept": 0,
    "PhilipsRescaleSlope": 0.82613,
    "PhilipsScaleSlope": 0.0700834,
    "ProtocolName": "WIPpiopwmSENSE",
    "PulseSequenceType": "gradient echo EPI",
    "ReconMatrixPE": 80,
    "RepetitionTime": 2,
    "SeriesDescription": "ImageMRSERIES",
    "SeriesNumber": 8,
    "SliceEncodingDirection": "k",
    "SliceTiming": [
      0.0,
      0.0541,
      0.1081,
      0.1622,
      0.2162,
      0.2703,
      0.3243,
      0.3784,
      0.4324,
      0.4865,
      0.5405,
      0.5946,
      0.6486,
      0.7027,
      0.7568,
      0.8108,
      0.8649,
      0.9189,
      0.973,
      1.027,
      1.0811,
      1.1351,
      1.1892,
      1.2432,
      1.2973,
      1.3514,
      1.4054,
      1.4595,
      1.5135,
      1.5676,
      1.6216,
      1.6757,
      1.7297,
      1.7838,
      1.8378,
      1.8919,
      1.9459
    ],
    "TaskName": "workingmemory",
    "TotalReadoutTime": 0.025822520692561732,
    "UsePhilipsFloatNotDisplayScaling": 1,
    "acq_id": "seq",
    "dataset": "ds002785",
    "modality": "bold",
    "subject_id": "0180",
    "task_id": "workingmemory"
  },
  "dummy_trs": 0,
  "dvars_nstd": 23.079027436335405,
  "dvars_std": 1.1911447689440993,
  "dvars_vstd": 0.989918066086956,
  "efc": 0.4122289962323097,
  "fber": 160962.03125,
  "fd_mean": 0.20338465537193368,
  "fd_num": 55,
  "fd_perc": 33.95061728395062,
  "fwhm_avg": 1.8430097052376475,
  "fwhm_x": 1.8265566666666666,
  "fwhm_y": 1.9858966666666669,
  "fwhm_z": 1.7165757823796095,
  "gcor": 0.0147167,
  "gsr_x": -0.01674676313996315,
  "gsr_y": 0.012886720709502697,
  "provenance": {
    "md5sum": "e2f2c56bb9160f60ac0e57127ab7a479",
    "settings": {
      "fd_thres": 0.2,
      "testing": false
    },
    "software": "mriqc",
    "version": "22.0.0rc1",
    "webapi_port": null,
    "webapi_url": "https://mriqc.nimh.nih.gov/api/v1"
  },
  "size_t": 162,
  "size_x": 80,
  "size_y": 80,
  "size_z": 37,
  "snr": 5.9833739763613565,
  "spacing_tr": 2.0,
  "spacing_x": 3.0,
  "spacing_y": 3.0,
  "spacing_z": 3.299999952316284,
  "summary_bg_k": 51.159217406181966,
  "summary_bg_mad": 59.91301162156818,
  "summary_bg_mean": 536.7557983398438,
  "summary_bg_median": 55.095848083496094,
  "summary_bg_n": 163549.0,
  "summary_bg_p05": 4.459085750579835,
  "summary_bg_p95": 2742.1837402343754,
  "summary_bg_stdv": 1664.4110107421875,
  "summary_fg_k": 1.0983866570444762,
  "summary_fg_mad": 3565.869722150408,
  "summary_fg_mean": 22810.162109375,
  "summary_fg_median": 22563.5859375,
  "summary_fg_n": 31979.0,
  "summary_fg_p05": 16996.2291015625,
  "summary_fg_p95": 29141.9830078125,
  "summary_fg_stdv": 3770.98828125,
  "tsnr": 53.85820770263672
}