{
  "aor": 0.0008269999999999999,
  "aqi": 0.008072650666666667,
  "bids_meta": {
    "AcquisitionNumber": 2,
    "BidsifyVersion": "0.3.5",
    "ConversionSoftware": "dcm2niix",
    "ConversionSoftwareVersion": "v1.0.20181125  GCC6.3.0",
    "EchoTime": 0.02762,
    "EffectiveEchoSpacing": 0.0006333282667071997,
    "ImageComments": "Piop",
    "ImageOrientationPatientDICOM": [
      0.998465,
      -0.0209148,
      0.0512763,
      0.0364376,
      0.945385,
      -0.323914
    ],
    "Manufacturer": "Philips",
    "NumberOfVolumesDiscardedByScanner": 2,
    "ParallelAcquisitionTechnique": "SENSE",
    "ParallelReductionFactorInPlane": 2,
    "PatientPosition": "HFS",
    "PhaseEncodingDirection": "j",
    "PhilipsRescaleIntercept": 0,
    "PhilipsRescaleSlope": 0.76777,
    "PhilipsScaleSlope": 0.105292,
    "ProtocolName": "WIPpiopfacesSENSE",
    "PulseSequenceType": "gradient echo EPI",
    "ReconMatrixPE": 80,
    "RepetitionTime": 0.75,
    "SeriesDescription": "ImageMRSERIES",
    "SeriesNumber": 2,
    "SliceEncodingDirection": "k",
    "SliceTiming": [
      0.0,
      0.06755050505050506,
      0.1351010101010101,
      0.20265151515151517,
      0.2702020202020202,
      0.3377525252525253,
      0.40530303030303033,
      0.47285353535353536,
      0.5404040404040404,
      0.6079545454545455,
      0.6755050505050506,
      0.7430555555555556,
      0.0,
      0.06755050505050506,
      0.1351010101010101,
      0.20265151515151517,
      0.2702020202020202,
      0.3377525252525253,
      0.40530303030303033,
      0.47285353535353536,
      0.5404040404040404,
      0.6079545454545455,
      0.6755050505050506,
      0.7430555555555556,
      0.0,
      0.06755050505050506,
      0.1351010101010101,
      0.20265151515151517,
      0.2702020202020202,
      0.3377525252525253,
      0.40530303030303033,
      0.47285353535353536,
      0.5404040404040404,
      0.6079545454545455,
      0.6755050505050506,
      0.7430555555555556
    ],
    "TaskName": "faces",
    "TotalReadoutTime": 0.024699802401580786,
    "UsePhilipsFloatNotDisplayScaling": 1,
    "acq_id": "mb3",
    "dataset": "ds002785",
    "modality": "bold",
    "subject_id": "0180",
    "task_id": "faces"
  },
  "dummy_trs": 0,
  "dvars_nstd": 21.42930543890578,
  "dvars_std": 1.0756836779635255,
  "dvars_vstd": 0.9948536485714282,
  "efc": 0.4167098712212773,
  "fber": 183236.0,
  "fd_mean": 0.10352029930903538,
  "fd_num": 10,
  "fd_perc": 3.0303030303030303,
  "fwhm_avg": 2.137920157578318,
  "fwhm_x": 2.186096666666667,
  "fwhm_y": 2.270233333333333,
  "fwhm_z": 1.9574304727349547,
  "gcor": 0.0141255,
  "gsr_x": -0.019166389480233192,
  "gsr_y": 0.010628691874444485,
  "provenance": {
    "md5sum": "21a078fe8af7aa6c3b6e8b0a51ad9c83",
    "settings": {
      "fd_thres": 0.2,
      "testing": false
    },
    "software": "mriqc",
    "version": "22.0.0rc1",
    "webapi_port": null,
    "webapi_url": "https://mriqc.nimh.nih.gov/api/v1"
  },
  "size_t": 330,
  "size_x": 80,
  "size_y": 80,
  "size_z": 36,
  "snr": 6.3217506436223285,
  "spacing_tr": 0.75,
  "spacing_x": 3.0,
  "spacing_y": 3.0,
  "spacing_z": 3.299999713897705,
  "summary_bg_k": 37.773828231754436,
  "summary_bg_mad": 41.75404004977018,
  "summary_bg_mean": 382.6145324707031,
  "summary_bg_median": 37.78533172607422,
  "summary_bg_n": 158423.0,
  "summary_bg_p05": 2.852968716621399,
  "summary_bg_p95": 1923.4873535156237,
  "summary_bg_stdv": 1130.5096435546875,
  "summary_fg_k": 0.3616354742374539,
  "summary_fg_mad": 2596.633000339661,
  "summary_fg_mean": 16738.83984375,
  "summary_fg_median": 16753.271484375,
  "summary_fg_n": 31433.0,
  "summary_fg_p05": 12357.0474609375,
  "summary_fg_p95": 21062.133593749997,
  "summary_fg_stdv": 2650.057861328125,
  "tsnr": 54.12518310546875
}