{
  "aor": 0.0010024843423799583,
  "aqi": 0.01892664070981211,
  "bids_meta": {
    "AcquisitionNumber": 6,
    "BidsifyVersion": "0.3.5",
    "ConversionSoftware": "dcm2niix",
    "ConversionSoftwareVersion": "v1.0.20181125  GCC6.3.0",
    "EchoTime": 0.02762,
    "EffectiveEchoSpacing": 0.0006333282667071997,
    "ImageComments": "Piop",
    "ImageOrientationPatientDICOM": [
      0.998465,
      -0.0209148,
      0.0512763,
      0.0364376,
      0.945385,
      -0.323914
    ],
    "Manufacturer": "Philips",
    "NumberOfVolumesDiscardedByScanner": 2,
    "ParallelAcquisitionTechnique": "SENSE",
    "ParallelReductionFactorInPlane": 2,
    "PatientPosition": "HFS",
    "PhaseEncodingDirection": "j",
    "PhilipsRescaleIntercept": 0,
    "PhilipsRescaleSlope": 0.88034,
    "PhilipsScaleSlope": 0.091012,
    "ProtocolName": "WIPpioprsSENSE",
    "PulseSequenceType": "gradient echo EPI",
    "ReconMatrixPE": 80,
    "RepetitionTime": 0.75,
    "SeriesDescription": "ImageMRSERIES",
    "SeriesNumber": 6,
    "SliceEncodingDirection": "k",
    "SliceTiming": [
      0.0,
      0.06755050505050506,
      0.1351010101010101,
      0.20265151515151517,
      0.2702020202020202,
      0.3377525252525253,
      0.40530303030303033,
      0.47285353535353536,
      0.5404040404040404,
      0.6079545454545455,
      0.6755050505050506,
      0.7430555555555556,
      0.0,
      0.06755050505050506,
      0.1351010101010101,
      0.20265151515151517,
      0.2702020202020202,
      0.3377525252525253,
      0.40530303030303033,
      0.47285353535353536,
      0.5404040404040404,
      0.6079545454545455,
      0.6755050505050506,
      0.7430555555555556,
      0.0,
      0.06755050505050506,
      0.1351010101010101,
      0.20265151515151517,
      0.2702020202020202,
      0.3377525252525253,
      0.40530303030303033,
      0.47285353535353536,
      0.5404040404040404,
      0.6079545454545455,
      0.6755050505050506,
      0.7430555555555556
    ],
    "TaskName": "restingstate",
    "TotalReadoutTime": 0.024699802401580786,
    "UsePhilipsFloatNotDisplayScaling": 1,
    "acq_id": "mb3",
    "dataset": "ds002785",
    "modality": "bold",
    "subject_id": "0180",
    "task_id": "restingstate"
  },
  "dummy_trs": 1,
  "dvars_nstd": 26.37875187836822,
  "dvars_std": 1.0484310847698743,
  "dvars_vstd": 0.9514813592259419,
  "efc": 0.41646663001861367,
  "fber": 201646.9375,
  "fd_mean": 0.11674709367857851,
  "fd_num": 31,
  "fd_perc": 6.471816283924843,
  "fwhm_avg": 1.9290836450084738,
  "fwhm_x": 1.9220366666666668,
  "fwhm_y": 2.07039,
  "fwhm_z": 1.7948242683587547,
  "gcor": 0.0120974,
  "gsr_x": -0.01879013516008854,
  "gsr_y": 0.011434744112193584,
  "provenance": {
    "md5sum": "61bd3de5be62b649a55e01d051f1a8af",
    "settings": {
      "fd_thres": 0.2,
      "testing": false
    },
    "software": "mriqc",
    "version": "22.0.0rc1",
    "webapi_port": null,
    "webapi_url": "https://mriqc.nimh.nih.gov/api/v1"
  },
  "size_t": 479,
  "size_x": 80,
  "size_y": 80,
  "size_z": 36,
  "snr": 6.4139086001420385,
  "spacing_tr": 0.75,
  "spacing_x": 3.0,
  "spacing_y": 3.0,
  "spacing_z": 3.299999952316284,
  "summary_bg_k": 41.56943885338525,
  "summary_bg_mad": 40.83803926942831,
  "summary_bg_mean": 405.8434753417969,
  "summary_bg_median": 36.78569793701172,
  "summary_bg_n": 158386.0,
  "summary_bg_p05": 3.2106544971466064,
  "summary_bg_p95": 2079.7899169921875,
  "summary_bg_stdv": 1221.371337890625,
  "summary_fg_k": 0.48334590375095043,
  "summary_fg_mad": 2553.233584812605,
  "summary_fg_mean": 16984.853515625,
  "summary_fg_median": 16978.365234375,
  "summary_fg_n": 31441.0,
  "summary_fg_p05": 12664.5380859375,
  "summary_fg_p95": 21301.025390625,
  "summary_fg_stdv": 2647.07470703125,
  "tsnr": 37.50150680541992
}