{
  "aor": 0.0032722962962962966,
  "aqi": 0.005497189925925926,
  "bids_meta": {
    "AcquisitionNumber": 5,
    "BidsifyVersion": "0.3.5",
    "ConversionSoftware": "dcm2niix",
    "ConversionSoftwareVersion": "v1.0.20181125  GCC6.3.0",
    "EchoTime": 0.02762,
    "EffectiveEchoSpacing": 0.0006621159151938905,
    "ImageComments": "piop",
    "ImageOrientationPatientDICOM": [
      0.998539,
      0.0396648,
      -0.0366882,
      -0.0502344,
      0.931571,
      -0.360073
    ],
    "Manufacturer": "Philips",
    "NumberOfVolumesDiscardedByScanner": 2,
    "ParallelAcquisitionTechnique": "SENSE",
    "ParallelReductionFactorInPlane": 2,
    "PatientPosition": "HFS",
    "PhaseEncodingDirection": "j",
    "PhilipsRescaleIntercept": 0,
    "PhilipsRescaleSlope": 0.8127,
    "PhilipsScaleSlope": 0.0580233,
    "ProtocolName": "WIPpiopharririSENSE",
    "PulseSequenceType": "gradient echo EPI",
    "ReconMatrixPE": 80,
    "RepetitionTime": 2,
    "SeriesDescription": "ImageMRSERIES",
    "SeriesNumber": 5,
    "SliceEncodingDirection": "k",
    "SliceTiming": [
      0.0,
      0.0541,
      0.1081,
      0.1622,
      0.2162,
      0.2703,
      0.3243,
      0.3784,
      0.4324,
      0.4865,
      0.5405,
      0.5946,
      0.6486,
      0.7027,
      0.7568,
      0.8108,
      0.8649,
      0.9189,
      0.973,
      1.027,
      1.0811,
      1.1351,
      1.1892,
      1.2432,
      1.2973,
      1.3514,
      1.4054,
      1.4595,
      1.5135,
      1.5676,
      1.6216,
      1.6757,
      1.7297,
      1.7838,
      1.8378,
      1.8919,
      1.9459
    ],
    "TaskName": "emomatching",
    "TotalReadoutTime": 0.025822520692561732,
    "UsePhilipsFloatNotDisplayScaling": 1,
    "acq_id": "seq",
    "dataset": "ds002785",
    "modality": "bold",
    "subject_id": "0019",
    "task_id": "emomatching"
  },
  "dummy_trs": 0,
  "dvars_nstd": 21.410653541791024,
  "dvars_std": 1.244864191044776,
  "dvars_vstd": 1.0168184223134324,
  "efc": 0.4122467130796784,
  "fber": 183659.5625,
  "fd_mean": 0.13606682378717347,
  "fd_num": 16,
  "fd_perc": 11.851851851851851,
  "fwhm_avg": 1.827342028678352,
  "fwhm_x": 1.8314599999999999,
  "fwhm_y": 1.8907266666666667,
  "fwhm_z": 1.7598394193683888,
  "gcor": 0.0395279,
  "gsr_x": -0.014495362527668476,
  "gsr_y": 0.0115436390042305,
  "provenance": {
    "md5sum": "ddd10bb5df229ccb85b132596394e7fc",
    "settings": {
      "fd_thres": 0.2,
      "testing": false
    },
    "software": "mriqc",
    "version": "22.0.0rc1",
    "webapi_port": null,
    "webapi_url": "https://mriqc.nimh.nih.gov/api/v1"
  },
  "size_t": 135,
  "size_x": 80,
  "size_y": 80,
  "size_z": 37,
  "snr": 5.40125077838542,
  "spacing_tr": 2.0,
  "spacing_x": 3.0,
  "spacing_y": 3.0,
  "spacing_z": 3.299999952316284,
  "summary_bg_k": 73.7763823646077,
  "summary_bg_mad": 55.99703599896419,
  "summary_bg_mean": 516.9971923828125,
  "summary_bg_median": 53.549232482910156,
  "summary_bg_n": 162872.0,
  "summary_bg_p05": 2.558116042613983,
  "summary_bg_p95": 2768.9816162109246,
  "summary_bg_stdv": 1698.700927734375,
  "summary_fg_k": 0.905908233334002,
  "summary_fg_mad": 4368.000957973809,
  "summary_fg_mean": 23958.841796875,
  "summary_fg_median": 23587.974609375,
  "summary_fg_n": 33337.0,
  "summary_fg_p05": 17577.3109375,
  "summary_fg_p95": 31105.438281249997,
  "summary_fg_stdv": 4367.06640625,
  "tsnr": 71.25428771972656
}