{
  "aor": 0.0013941224489795918,
  "aqi": 0.004645968857142858,
  "bids_meta": {
    "AcquisitionNumber": 3,
    "BidsifyVersion": "0.3.5",
    "ConversionSoftware": "dcm2niix",
    "ConversionSoftwareVersion": "v1.0.20181125  GCC6.3.0",
    "EchoTime": 0.02762,
    "EffectiveEchoSpacing": 0.0006621159151938905,
    "ImageComments": "piop",
    "ImageOrientationPatientDICOM": [
      0.998539,
      0.0396648,
      -0.0366882,
      -0.0502344,
      0.931571,
      -0.360073
    ],
    "Manufacturer": "Philips",
    "NumberOfVolumesDiscardedByScanner": 2,
    "ParallelAcquisitionTechnique": "SENSE",
    "ParallelReductionFactorInPlane": 2,
    "PatientPosition": "HFS",
    "PhaseEncodingDirection": "j",
    "PhilipsRescaleIntercept": 0,
    "PhilipsRescaleSlope": 0.77411,
    "PhilipsScaleSlope": 0.0599225,
    "ProtocolName": "WIPpiopgstroopSENSE",
    "PulseSequenceType": "gradient echo EPI",
    "ReconMatrixPE": 80,
    "RepetitionTime": 2,
    "SeriesDescription": "ImageMRSERIES",
    "SeriesNumber": 3,
    "SliceEncodingDirection": "k",
    "SliceTiming": [
      0.0,
      0.0541,
      0.1081,
      0.1622,
      0.2162,
      0.2703,
      0.3243,
      0.3784,
      0.4324,
      0.4865,
      0.5405,
      0.5946,
      0.6486,
      0.7027,
      0.7568,
      0.8108,
      0.8649,
      0.9189,
      0.973,
      1.027,
      1.0811,
      1.1351,
      1.1892,
      1.2432,
      1.2973,
      1.3514,
      1.4054,
      1.4595,
      1.5135,
      1.5676,
      1.6216,
      1.6757,
      1.7297,
      1.7838,
      1.8378,
      1.8919,
      1.9459
    ],
    "TaskName": "gstroop",
    "TotalReadoutTime": 0.025822520692561732,
    "UsePhilipsFloatNotDisplayScaling": 1,
    "acq_id": "seq",
    "dataset": "ds002785",
    "modality": "bold",
    "subject_id": "0019",
    "task_id": "gstroop"
  },
  "dummy_trs": 0,
  "dvars_nstd": 21.502402376147533,
  "dvars_std": 1.24335996602459,
  "dvars_vstd": 1.008197416680328,
  "efc": 0.4127144459586101,
  "fber": 179766.703125,
  "fd_mean": 0.12151345669538009,
  "fd_num": 21,
  "fd_perc": 8.571428571428571,
  "fwhm_avg": 1.8065719275589298,
  "fwhm_x": 1.8131966666666666,
  "fwhm_y": 1.8693766666666667,
  "fwhm_z": 1.7371424493434566,
  "gcor": 0.0421877,
  "gsr_x": -0.015011167153716087,
  "gsr_y": 0.012303775176405907,
  "provenance": {
    "md5sum": "6f1a10c69745217074679179795ed081",
    "settings": {
      "fd_thres": 0.2,
      "testing": false
    },
    "software": "mriqc",
    "version": "22.0.0rc1",
    "webapi_port": null,
    "webapi_url": "https://mriqc.nimh.nih.gov/api/v1"
  },
  "size_t": 245,
  "size_x": 80,
  "size_y": 80,
  "size_z": 37,
  "snr": 5.484625414246416,
  "spacing_tr": 2.0,
  "spacing_x": 3.0,
  "spacing_y": 3.0,
  "spacing_z": 3.299999952316284,
  "summary_bg_k": 79.2620676460631,
  "summary_bg_mad": 56.5852301111734,
  "summary_bg_mean": 516.0228881835938,
  "summary_bg_median": 53.81026840209961,
  "summary_bg_n": 162746.0,
  "summary_bg_p05": 2.4430395364761353,
  "summary_bg_p95": 2734.5045776367188,
  "summary_bg_stdv": 1723.3612060546875,
  "summary_fg_k": 1.0307542219185635,
  "summary_fg_mad": 4291.206796187152,
  "summary_fg_mean": 23922.39453125,
  "summary_fg_median": 23567.53125,
  "summary_fg_n": 33388.0,
  "summary_fg_p05": 17687.44521484375,
  "summary_fg_p95": 30945.846874999992,
  "summary_fg_stdv": 4296.953125,
  "tsnr": 76.28719329833984
}