{
  "aor": 0.0016012526096033403,
  "aqi": 0.04534615135699374,
  "bids_meta": {
    "AcquisitionNumber": 6,
    "BidsifyVersion": "0.3.5",
    "ConversionSoftware": "dcm2niix",
    "ConversionSoftwareVersion": "v1.0.20181125  GCC6.3.0",
    "EchoTime": 0.02762,
    "EffectiveEchoSpacing": 0.0006333282667071997,
    "ImageComments": "piop",
    "ImageOrientationPatientDICOM": [
      0.995284,
      0.0668857,
      -0.0702538,
      -0.0783306,
      0.98138,
      -0.175376
    ],
    "Manufacturer": "Philips",
    "NumberOfVolumesDiscardedByScanner": 2,
    "ParallelAcquisitionTechnique": "SENSE",
    "ParallelReductionFactorInPlane": 2,
    "PatientPosition": "HFS",
    "PhaseEncodingDirection": "j",
    "PhilipsRescaleIntercept": 0,
    "PhilipsRescaleSlope": 0.79121,
    "PhilipsScaleSlope": 0.0990748,
    "ProtocolName": "WIPpioprsSENSE",
    "PulseSequenceType": "gradient echo EPI",
    "ReconMatrixPE": 80,
    "RepetitionTime": 0.75,
    "SeriesDescription": "ImageMRSERIES",
    "SeriesNumber": 6,
    "SliceEncodingDirection": "k",
    "SliceTiming": [
      0.0,
      0.06755050505050506,
      0.1351010101010101,
      0.20265151515151517,
      0.2702020202020202,
      0.3377525252525253,
      0.40530303030303033,
      0.47285353535353536,
      0.5404040404040404,
      0.6079545454545455,
      0.6755050505050506,
      0.7430555555555556,
      0.0,
      0.06755050505050506,
      0.1351010101010101,
      0.20265151515151517,
      0.2702020202020202,
      0.3377525252525253,
      0.40530303030303033,
      0.47285353535353536,
      0.5404040404040404,
      0.6079545454545455,
      0.6755050505050506,
      0.7430555555555556,
      0.0,
      0.06755050505050506,
      0.1351010101010101,
      0.20265151515151517,
      0.2702020202020202,
      0.3377525252525253,
      0.40530303030303033,
      0.47285353535353536,
      0.5404040404040404,
      0.6079545454545455,
      0.6755050505050506,
      0.7430555555555556
    ],
    "TaskName": "restingstate",
    "TotalReadoutTime": 0.024699802401580786,
    "UsePhilipsFloatNotDisplayScaling": 1,
    "acq_id": "mb3",
    "dataset": "ds002785",
    "modality": "bold",
    "subject_id": "0200",
    "task_id": "restingstate"
  },
  "dummy_trs": 1,
  "dvars_nstd": 36.7220634356067,
  "dvars_std": 1.0177232981589959,
  "dvars_vstd": 0.9303718565481169,
  "efc": 0.4251409696795972,
  "fber": 141011.109375,
  "fd_mean": 0.4205483062664605,
  "fd_num": 276,
  "fd_perc": 57.620041753653446,
  "fwhm_avg": 1.924557984918474,
  "fwhm_x": 1.9283566666666667,
  "fwhm_y": 2.0745534982040326,
  "fwhm_z": 1.7707637898847224,
  "gcor": 0.0233296,
  "gsr_x": -0.01756187155842781,
  "gsr_y": 0.017746027559041977,
  "provenance": {
    "md5sum": "b488b8a51c1cf7827f19171aa43960af",
    "settings": {
      "fd_thres": 0.2,
      "testing": false
    },
    "software": "mriqc",
    "version": "22.0.0rc1",
    "webapi_port": null,
    "webapi_url": "https://mriqc.nimh.nih.gov/api/v1"
  },
  "size_t": 479,
  "size_x": 80,
  "size_y": 80,
  "size_z": 36,
  "snr": 6.814353357975179,
  "spacing_tr": 0.75,
  "spacing_x": 3.0,
  "spacing_y": 2.999999761581421,
  "spacing_z": 3.299999713897705,
  "summary_bg_k": 48.88470068961616,
  "summary_bg_mad": 53.948195719646776,
  "summary_bg_mean": 507.98651123046875,
  "summary_bg_median": 47.15906524658203,
  "summary_bg_n": 158504.0,
  "summary_bg_p05": 4.7884600400924695,
  "summary_bg_p95": 2638.1511352539083,
  "summary_bg_stdv": 1337.24169921875,
  "summary_fg_k": 1.2498437391148203,
  "summary_fg_mad": 2480.161131036366,
  "summary_fg_mean": 17771.806640625,
  "summary_fg_median": 17739.294921875,
  "summary_fg_n": 31262.0,
  "summary_fg_p05": 13729.832568359376,
  "summary_fg_p95": 21972.679199218746,
  "summary_fg_stdv": 2603.183349609375,
  "tsnr": 24.271495819091797
}