{
  "aor": 0.007858086419753087,
  "aqi": 0.029511881481481483,
  "bids_meta": {
    "AcquisitionNumber": 8,
    "BidsifyVersion": "0.3.5",
    "ConversionSoftware": "dcm2niix",
    "ConversionSoftwareVersion": "v1.0.20181125  GCC6.3.0",
    "EchoTime": 0.02762,
    "EffectiveEchoSpacing": 0.0006621159151938905,
    "ImageComments": "piop",
    "ImageOrientationPatientDICOM": [
      0.995275,
      0.0669184,
      -0.070354,
      -0.0778055,
      0.983123,
      -0.165574
    ],
    "Manufacturer": "Philips",
    "NumberOfVolumesDiscardedByScanner": 2,
    "ParallelAcquisitionTechnique": "SENSE",
    "ParallelReductionFactorInPlane": 2,
    "PatientPosition": "HFS",
    "PhaseEncodingDirection": "j",
    "PhilipsRescaleIntercept": 0,
    "PhilipsRescaleSlope": 0.83248,
    "PhilipsScaleSlope": 0.0644777,
    "ProtocolName": "WIPpiopwmSENSE",
    "PulseSequenceType": "gradient echo EPI",
    "ReconMatrixPE": 80,
    "RepetitionTime": 2,
    "SeriesDescription": "ImageMRSERIES",
    "SeriesNumber": 8,
    "SliceEncodingDirection": "k",
    "SliceTiming": [
      0.0,
      0.0541,
      0.1081,
      0.1622,
      0.2162,
      0.2703,
      0.3243,
      0.3784,
      0.4324,
      0.4865,
      0.5405,
      0.5946,
      0.6486,
      0.7027,
      0.7568,
      0.8108,
      0.8649,
      0.9189,
      0.973,
      1.027,
      1.0811,
      1.1351,
      1.1892,
      1.2432,
      1.2973,
      1.3514,
      1.4054,
      1.4595,
      1.5135,
      1.5676,
      1.6216,
      1.6757,
      1.7297,
      1.7838,
      1.8378,
      1.8919,
      1.9459
    ],
    "TaskName": "workingmemory",
    "TotalReadoutTime": 0.025822520692561732,
    "UsePhilipsFloatNotDisplayScaling": 1,
    "acq_id": "seq",
    "dataset": "ds002785",
    "modality": "bold",
    "subject_id": "0200",
    "task_id": "workingmemory"
  },
  "dummy_trs": 0,
  "dvars_nstd": 31.810760402919243,
  "dvars_std": 0.9678129916770185,
  "dvars_vstd": 0.8971819570807452,
  "efc": 0.420922130244546,
  "fber": 118061.078125,
  "fd_mean": 0.5129914402767306,
  "fd_num": 100,
  "fd_perc": 61.72839506172839,
  "fwhm_avg": 1.8426781790246327,
  "fwhm_x": 1.8135968107983915,
  "fwhm_y": 1.9783133333333334,
  "fwhm_z": 1.7361243929421737,
  "gcor": 0.0188369,
  "gsr_x": -0.015854131430387497,
  "gsr_y": 0.01836981810629368,
  "provenance": {
    "md5sum": "609f7dcf9e6b4ded8476fb2da53e5469",
    "settings": {
      "fd_thres": 0.2,
      "testing": false
    },
    "software": "mriqc",
    "version": "22.0.0rc1",
    "webapi_port": null,
    "webapi_url": "https://mriqc.nimh.nih.gov/api/v1"
  },
  "size_t": 162,
  "size_x": 80,
  "size_y": 80,
  "size_z": 37,
  "snr": 5.738893773426941,
  "spacing_tr": 2.0,
  "spacing_x": 2.999999761581421,
  "spacing_y": 3.0,
  "spacing_z": 3.299999713897705,
  "summary_bg_k": 61.2720358686056,
  "summary_bg_mad": 74.81318399520862,
  "summary_bg_mean": 692.278564453125,
  "summary_bg_median": 69.81841278076172,
  "summary_bg_n": 163629.0,
  "summary_bg_p05": 9.07977294921875,
  "summary_bg_p95": 3664.387646484375,
  "summary_bg_stdv": 1897.377197265625,
  "summary_fg_k": 1.4877187349487748,
  "summary_fg_mad": 3953.439895454012,
  "summary_fg_mean": 24637.1875,
  "summary_fg_median": 24231.83984375,
  "summary_fg_n": 32046.0,
  "summary_fg_p05": 18570.77880859375,
  "summary_fg_p95": 31779.0458984375,
  "summary_fg_stdv": 4222.32275390625,
  "tsnr": 29.76808738708496
}