{
  "aor": 0.0014022424242424241,
  "aqi": 0.017083092666666667,
  "bids_meta": {
    "AcquisitionNumber": 2,
    "BidsifyVersion": "0.3.5",
    "ConversionSoftware": "dcm2niix",
    "ConversionSoftwareVersion": "v1.0.20181125  GCC6.3.0",
    "EchoTime": 0.02762,
    "EffectiveEchoSpacing": 0.0006333282667071997,
    "ImageComments": "piop",
    "ImageOrientationPatientDICOM": [
      0.995284,
      0.0668857,
      -0.0702538,
      -0.0783306,
      0.98138,
      -0.175376
    ],
    "Manufacturer": "Philips",
    "NumberOfVolumesDiscardedByScanner": 2,
    "ParallelAcquisitionTechnique": "SENSE",
    "ParallelReductionFactorInPlane": 2,
    "PatientPosition": "HFS",
    "PhaseEncodingDirection": "j",
    "PhilipsRescaleIntercept": 0,
    "PhilipsRescaleSlope": 0.76557,
    "PhilipsScaleSlope": 0.103397,
    "ProtocolName": "WIPpiopfacesSENSE",
    "PulseSequenceType": "gradient echo EPI",
    "ReconMatrixPE": 80,
    "RepetitionTime": 0.75,
    "SeriesDescription": "ImageMRSERIES",
    "SeriesNumber": 2,
    "SliceEncodingDirection": "k",
    "SliceTiming": [
      0.0,
      0.06755050505050506,
      0.1351010101010101,
      0.20265151515151517,
      0.2702020202020202,
      0.3377525252525253,
      0.40530303030303033,
      0.47285353535353536,
      0.5404040404040404,
      0.6079545454545455,
      0.6755050505050506,
      0.7430555555555556,
      0.0,
      0.06755050505050506,
      0.1351010101010101,
      0.20265151515151517,
      0.2702020202020202,
      0.3377525252525253,
      0.40530303030303033,
      0.47285353535353536,
      0.5404040404040404,
      0.6079545454545455,
      0.6755050505050506,
      0.7430555555555556,
      0.0,
      0.06755050505050506,
      0.1351010101010101,
      0.20265151515151517,
      0.2702020202020202,
      0.3377525252525253,
      0.40530303030303033,
      0.47285353535353536,
      0.5404040404040404,
      0.6079545454545455,
      0.6755050505050506,
      0.7430555555555556
    ],
    "TaskName": "faces",
    "TotalReadoutTime": 0.024699802401580786,
    "UsePhilipsFloatNotDisplayScaling": 1,
    "acq_id": "mb3",
    "dataset": "ds002785",
    "modality": "bold",
    "subject_id": "0200",
    "task_id": "faces"
  },
  "dummy_trs": 0,
  "dvars_nstd": 27.380467858510645,
  "dvars_std": 1.1556471031003033,
  "dvars_vstd": 0.9770897191489352,
  "efc": 0.42492528620167225,
  "fber": 171986.203125,
  "fd_mean": 0.17222578477634165,
  "fd_num": 81,
  "fd_perc": 24.545454545454547,
  "fwhm_avg": 2.046001871330732,
  "fwhm_x": 2.07194,
  "fwhm_y": 2.2269533333333333,
  "fwhm_z": 1.8391122806588618,
  "gcor": 0.00800802,
  "gsr_x": -0.017260674387216568,
  "gsr_y": 0.01610805094242096,
  "provenance": {
    "md5sum": "479d4ac0b4fe61a3129be4e7af12d580",
    "settings": {
      "fd_thres": 0.2,
      "testing": false
    },
    "software": "mriqc",
    "version": "22.0.0rc1",
    "webapi_port": null,
    "webapi_url": "https://mriqc.nimh.nih.gov/api/v1"
  },
  "size_t": 330,
  "size_x": 80,
  "size_y": 80,
  "size_z": 36,
  "snr": 7.231984328947894,
  "spacing_tr": 0.75,
  "spacing_x": 3.0,
  "spacing_y": 3.0,
  "spacing_z": 3.299999713897705,
  "summary_bg_k": 51.58647360086741,
  "summary_bg_mad": 49.580269162125326,
  "summary_bg_mean": 486.9388732910156,
  "summary_bg_median": 42.506080627441406,
  "summary_bg_n": 158503.0,
  "summary_bg_p05": 3.1452449321746827,
  "summary_bg_p95": 2522.595629882811,
  "summary_bg_stdv": 1301.596923828125,
  "summary_fg_k": 1.3156440448791953,
  "summary_fg_mad": 2299.1830345445164,
  "summary_fg_mean": 17802.81640625,
  "summary_fg_median": 17787.494140625,
  "summary_fg_n": 31327.0,
  "summary_fg_p05": 13880.7060546875,
  "summary_fg_p95": 21772.2296875,
  "summary_fg_stdv": 2459.52001953125,
  "tsnr": 44.31935119628906
}