{
  "aor": 0.006676,
  "aqi": 0.025928443925925925,
  "bids_meta": {
    "AcquisitionNumber": 5,
    "BidsifyVersion": "0.3.5",
    "ConversionSoftware": "dcm2niix",
    "ConversionSoftwareVersion": "v1.0.20181125  GCC6.3.0",
    "EchoTime": 0.02762,
    "EffectiveEchoSpacing": 0.0006621159151938905,
    "ImageComments": "piop",
    "ImageOrientationPatientDICOM": [
      0.995275,
      0.0669184,
      -0.070354,
      -0.0778055,
      0.983123,
      -0.165574
    ],
    "Manufacturer": "Philips",
    "NumberOfVolumesDiscardedByScanner": 2,
    "ParallelAcquisitionTechnique": "SENSE",
    "ParallelReductionFactorInPlane": 2,
    "PatientPosition": "HFS",
    "PhaseEncodingDirection": "j",
    "PhilipsRescaleIntercept": 0,
    "PhilipsRescaleSlope": 0.85055,
    "PhilipsScaleSlope": 0.0653839,
    "ProtocolName": "WIPpiopharririSENSE",
    "PulseSequenceType": "gradient echo EPI",
    "ReconMatrixPE": 80,
    "RepetitionTime": 2,
    "SeriesDescription": "ImageMRSERIES",
    "SeriesNumber": 5,
    "SliceEncodingDirection": "k",
    "SliceTiming": [
      0.0,
      0.0541,
      0.1081,
      0.1622,
      0.2162,
      0.2703,
      0.3243,
      0.3784,
      0.4324,
      0.4865,
      0.5405,
      0.5946,
      0.6486,
      0.7027,
      0.7568,
      0.8108,
      0.8649,
      0.9189,
      0.973,
      1.027,
      1.0811,
      1.1351,
      1.1892,
      1.2432,
      1.2973,
      1.3514,
      1.4054,
      1.4595,
      1.5135,
      1.5676,
      1.6216,
      1.6757,
      1.7297,
      1.7838,
      1.8378,
      1.8919,
      1.9459
    ],
    "TaskName": "emomatching",
    "TotalReadoutTime": 0.025822520692561732,
    "UsePhilipsFloatNotDisplayScaling": 1,
    "acq_id": "seq",
    "dataset": "ds002785",
    "modality": "bold",
    "subject_id": "0200",
    "task_id": "emomatching"
  },
  "dummy_trs": 0,
  "dvars_nstd": 30.711697621567158,
  "dvars_std": 1.0110030539552237,
  "dvars_vstd": 0.9144035554477608,
  "efc": 0.4221313354839511,
  "fber": 122043.3046875,
  "fd_mean": 0.42708453822000836,
  "fd_num": 69,
  "fd_perc": 51.111111111111114,
  "fwhm_avg": 1.819247874644702,
  "fwhm_x": 1.787840142084769,
  "fwhm_y": 1.95687,
  "fwhm_z": 1.7130334818493365,
  "gcor": 0.0124832,
  "gsr_x": -0.015643712133169174,
  "gsr_y": 0.01719130203127861,
  "provenance": {
    "md5sum": "cae81fe31dbc0adbebb0fed682c14193",
    "settings": {
      "fd_thres": 0.2,
      "testing": false
    },
    "software": "mriqc",
    "version": "22.0.0rc1",
    "webapi_port": null,
    "webapi_url": "https://mriqc.nimh.nih.gov/api/v1"
  },
  "size_t": 135,
  "size_x": 80,
  "size_y": 80,
  "size_z": 37,
  "snr": 5.788039081519424,
  "spacing_tr": 2.0,
  "spacing_x": 2.999999761581421,
  "spacing_y": 3.0,
  "spacing_z": 3.299999713897705,
  "summary_bg_k": 63.30221639397696,
  "summary_bg_mad": 74.29750770133955,
  "summary_bg_mean": 682.669677734375,
  "summary_bg_median": 68.06356048583984,
  "summary_bg_n": 163293.0,
  "summary_bg_p05": 8.133937072753907,
  "summary_bg_p95": 3575.22744140625,
  "summary_bg_stdv": 1892.215576171875,
  "summary_fg_k": 1.683507322109958,
  "summary_fg_mad": 3835.2530434087057,
  "summary_fg_mean": 24532.6875,
  "summary_fg_median": 24132.75390625,
  "summary_fg_n": 32366.0,
  "summary_fg_p05": 18576.46533203125,
  "summary_fg_p95": 31482.4267578125,
  "summary_fg_stdv": 4169.353515625,
  "tsnr": 33.23986053466797
}