{
  "bids_meta": {
    "AcquisitionNumber": 4,
    "BidsifyVersion": "0.3.5",
    "ConversionSoftware": "dcm2niix",
    "ConversionSoftwareVersion": "v1.0.20181125  GCC6.3.0",
    "EchoTime": 0.00374,
    "ImageComments": "piop",
    "ImageOrientationPatientDICOM": [
      0.998786,
      0.0479496,
      -0.0112672,
      -0.0476257,
      0.998488,
      0.0274426
    ],
    "Manufacturer": "Philips",
    "PatientPosition": "HFS",
    "PhilipsRescaleIntercept": 0,
    "PhilipsRescaleSlope": 9.01758,
    "PhilipsScaleSlope": 0.00744467,
    "ProtocolName": "WIPt13dSENSE",
    "ReconMatrixPE": 240,
    "RepetitionTime": 0.008138,
    "SeriesDescription": "ImageMRSERIES",
    "SeriesNumber": 4,
    "UsePhilipsFloatNotDisplayScaling": 1,
    "dataset": "ds002785",
    "modality": "T1w",
    "subject_id": "0197"
  },
  "cjv": 0.3169117606939281,
  "cnr": 3.8971651482554246,
  "efc": 0.7417933235292492,
  "fber": 970.8082885742188,
  "fwhm_avg": 3.6378466666666665,
  "fwhm_x": 3.37103,
  "fwhm_y": 3.92191,
  "fwhm_z": 3.6206,
  "icvs_csf": 0.25163844599216983,
  "icvs_gm": 0.40637003111115166,
  "icvs_wm": 0.3419915228966785,
  "inu_med": 0.7173544764518738,
  "inu_range": 0.21817218065261845,
  "provenance": {
    "md5sum": "a466c7d6c52ab98cd983793c39da58a6",
    "settings": {
      "testing": false
    },
    "software": "mriqc",
    "version": "22.0.0rc1",
    "warnings": {
      "large_rot_frame": true,
      "small_air_mask": true
    },
    "webapi_port": null,
    "webapi_url": "https://mriqc.nimh.nih.gov/api/v1"
  },
  "qi_1": 0.0,
  "qi_2": 3.530581220454754e-05,
  "rpve_csf": 26.16229726380335,
  "rpve_gm": 15.9077417507239,
  "rpve_wm": 24.367947320406966,
  "size_x": 240,
  "size_y": 240,
  "size_z": 220,
  "snr_csf": 3.1010425193506372,
  "snr_gm": 7.424334080539964,
  "snr_total": 10.123804097944106,
  "snr_wm": 19.846035693941715,
  "snrd_csf": 19.135172675492658,
  "snrd_gm": 35.22903573722718,
  "snrd_total": 37.28246898625689,
  "snrd_wm": 57.48319854605082,
  "spacing_x": 1.0,
  "spacing_y": 1.0,
  "spacing_z": 1.0,
  "summary_bg_k": 190.70854904474336,
  "summary_bg_mad": 11.396908941106204,
  "summary_bg_mean": 18.31611442565918,
  "summary_bg_median": 15.351434707641602,
  "summary_bg_n": 221374.0,
  "summary_bg_p05": 0.0,
  "summary_bg_p95": 46.13003025054931,
  "summary_bg_stdv": 22.710962295532227,
  "summary_csf_k": -0.020036029876826955,
  "summary_csf_mad": 97.4401939988988,
  "summary_csf_mean": 313.01885986328125,
  "summary_csf_median": 332.8800354003906,
  "summary_csf_n": 4803.0,
  "summary_csf_p05": 100.32014999389651,
  "summary_csf_p95": 464.0560821533203,
  "summary_csf_stdv": 107.33338165283203,
  "summary_gm_k": 0.30387822505113116,
  "summary_gm_mad": 78.37015057068406,
  "summary_gm_mean": 613.6216430664062,
  "summary_gm_median": 612.8527221679688,
  "summary_gm_n": 15343.0,
  "summary_gm_p05": 477.63128967285155,
  "summary_gm_p95": 751.3785766601562,
  "summary_gm_stdv": 82.5438003540039,
  "summary_wm_k": 1.8640171454019416,
  "summary_wm_mad": 44.318666908689934,
  "summary_wm_mean": 997.12744140625,
  "summary_wm_median": 999.991455078125,
  "summary_wm_n": 157358.0,
  "summary_wm_p05": 909.6458038330078,
  "summary_wm_p95": 1072.5016662597657,
  "summary_wm_stdv": 50.387306213378906,
  "tpm_overlap_csf": 0.13725602626800537,
  "tpm_overlap_gm": 0.4167962968349457,
  "tpm_overlap_wm": 0.4636308252811432,
  "wm2max": 0.5973580087110055
}