{
  "bids_meta": {
    "AcquisitionNumber": 4,
    "BidsifyVersion": "0.3.5",
    "ConversionSoftware": "dcm2niix",
    "ConversionSoftwareVersion": "v1.0.20181125  GCC6.3.0",
    "EchoTime": 0.00376,
    "ImageComments": "piop",
    "ImageOrientationPatientDICOM": [
      0.99769,
      0.0678343,
      0.00351981,
      -0.0676658,
      0.997068,
      -0.0357429
    ],
    "Manufacturer": "Philips",
    "PatientPosition": "HFS",
    "PhilipsRescaleIntercept": 0,
    "PhilipsRescaleSlope": 8.8337,
    "PhilipsScaleSlope": 0.00708101,
    "ProtocolName": "WIPt13dSENSE",
    "ReconMatrixPE": 240,
    "RepetitionTime": 0.008162,
    "SeriesDescription": "ImageMRSERIES",
    "SeriesNumber": 4,
    "UsePhilipsFloatNotDisplayScaling": 1,
    "dataset": "ds002785",
    "modality": "T1w",
    "subject_id": "0211"
  },
  "cjv": 0.2956558625885898,
  "cnr": 4.444623287335128,
  "efc": 0.7456606658928635,
  "fber": -1.0,
  "fwhm_avg": 3.7551500000000004,
  "fwhm_x": 3.73837,
  "fwhm_y": 3.93579,
  "fwhm_z": 3.59129,
  "icvs_csf": 0.2278087234868589,
  "icvs_gm": 0.45224333437445,
  "icvs_wm": 0.3199479421386911,
  "inu_med": 0.65872922539711,
  "inu_range": 0.20948956906795502,
  "provenance": {
    "md5sum": "31ee093d982f16801842a0420e549c96",
    "settings": {
      "testing": false
    },
    "software": "mriqc",
    "version": "23.0.1",
    "warnings": {
      "large_rot_frame": true,
      "small_air_mask": true
    },
    "webapi_port": null,
    "webapi_url": "https://mriqc.nimh.nih.gov/api/v1"
  },
  "qi_1": 0.0,
  "qi_2": 0.00024550527797921005,
  "rpve_csf": 25.899450575465075,
  "rpve_gm": 13.79920722866326,
  "rpve_wm": 22.753825630324158,
  "size_x": 240,
  "size_y": 240,
  "size_z": 220,
  "snr_csf": 1.3244555966907126,
  "snr_gm": 6.7089413464952,
  "snr_total": 9.850712418936075,
  "snr_wm": 21.51874031362231,
  "snrd_csf": 12.998092934536627,
  "snrd_gm": 57.126753562599646,
  "snrd_total": 56.834003721731705,
  "snrd_wm": 100.37716466805884,
  "spacing_x": 1.0,
  "spacing_y": 1.0,
  "spacing_z": 1.0,
  "summary_bg_k": 1513.4751750470505,
  "summary_bg_mad": 0.0,
  "summary_bg_mean": 0.9377639239081452,
  "summary_bg_median": 0.0,
  "summary_bg_n": 115788.0,
  "summary_bg_p05": 0.0,
  "summary_bg_p95": 5.204711318016052,
  "summary_bg_stdv": 6.526601190014149,
  "summary_csf_k": 1.4663199248937877,
  "summary_csf_mad": 82.35385762847851,
  "summary_csf_mean": 152.72299687298036,
  "summary_csf_median": 129.489628136158,
  "summary_csf_n": 14127.0,
  "summary_csf_p05": 28.605721558630478,
  "summary_csf_p95": 349.07460391521454,
  "summary_csf_stdv": 97.76473090065039,
  "summary_gm_k": 0.04854284059560321,
  "summary_gm_mad": 84.78189947293687,
  "summary_gm_mean": 569.110528005788,
  "summary_gm_median": 569.1082617044449,
  "summary_gm_n": 35379.0,
  "summary_gm_p05": 430.7773545578122,
  "summary_gm_p95": 708.8300830826163,
  "summary_gm_stdv": 84.8271268493564,
  "summary_wm_k": 0.8847774619778273,
  "summary_wm_mad": 42.607145243166784,
  "summary_wm_mean": 997.4329454998758,
  "summary_wm_median": 999.9775960743427,
  "summary_wm_n": 162477.0,
  "summary_wm_p05": 916.2086647748947,
  "summary_wm_p95": 1068.17726162076,
  "summary_wm_stdv": 46.46993756167424,
  "tpm_overlap_csf": 0.16204370432284707,
  "tpm_overlap_gm": 0.48406262384432974,
  "tpm_overlap_wm": 0.5205542821628732,
  "wm2max": 0.755107572420803
}