{
  "bids_meta": {
    "AcquisitionNumber": 4,
    "BidsifyVersion": "0.3.5",
    "ConversionSoftware": "dcm2niix",
    "ConversionSoftwareVersion": "v1.0.20181125  GCC6.3.0",
    "EchoTime": 0.00381,
    "ImageComments": "PIOP",
    "ImageOrientationPatientDICOM": [
      0.998774,
      0.0493757,
      0.00344474,
      -0.0493724,
      0.988963,
      0.139692
    ],
    "Manufacturer": "Philips",
    "PatientPosition": "HFS",
    "PhilipsRescaleIntercept": 0,
    "PhilipsRescaleSlope": 8.58388,
    "PhilipsScaleSlope": 0.00758979,
    "ProtocolName": "WIPt13dSENSE",
    "ReconMatrixPE": 240,
    "RepetitionTime": 0.008274,
    "SeriesDescription": "ImageMRSERIES",
    "SeriesNumber": 4,
    "UsePhilipsFloatNotDisplayScaling": 1,
    "dataset": "ds002785",
    "modality": "T1w",
    "subject_id": "0012"
  },
  "cjv": 0.33006550792275485,
  "cnr": 3.626698499563456,
  "efc": 0.7456459145099693,
  "fber": 1435.832763671875,
  "fwhm_avg": 3.60897,
  "fwhm_x": 3.5181,
  "fwhm_y": 3.82335,
  "fwhm_z": 3.48546,
  "icvs_csf": 0.20786831088274657,
  "icvs_gm": 0.41138505505042455,
  "icvs_wm": 0.38074663406682885,
  "inu_med": 1.2221324443817139,
  "inu_range": 0.34990060329437256,
  "provenance": {
    "md5sum": "adfd055e09b5735d972da877d50cb733",
    "settings": {
      "testing": false
    },
    "software": "mriqc",
    "version": "22.0.0rc1",
    "warnings": {
      "large_rot_frame": true,
      "small_air_mask": true
    },
    "webapi_port": null,
    "webapi_url": "https://mriqc.nimh.nih.gov/api/v1"
  },
  "qi_1": 2.8110286022160275e-05,
  "qi_2": 6.533095277982953e-05,
  "rpve_csf": 29.874602733148397,
  "rpve_gm": 15.688695879154322,
  "rpve_wm": 22.22557702038679,
  "size_x": 240,
  "size_y": 240,
  "size_z": 220,
  "snr_csf": 2.3712998969864705,
  "snr_gm": 7.338666966365402,
  "snr_total": 10.139794878901759,
  "snr_wm": 20.7094177733534,
  "snrd_csf": 20.3321220605604,
  "snrd_gm": 42.470172879911935,
  "snrd_total": 43.644121107533266,
  "snrd_wm": 68.13006838212746,
  "spacing_x": 1.0,
  "spacing_y": 1.0,
  "spacing_z": 1.0,
  "summary_bg_k": 11.902257072332862,
  "summary_bg_mad": 9.615790460607311,
  "summary_bg_mean": 22.670425415039062,
  "summary_bg_median": 12.916118621826172,
  "summary_bg_n": 247637.0,
  "summary_bg_p05": 0.0,
  "summary_bg_p95": 102.70023498535149,
  "summary_bg_stdv": 35.18723678588867,
  "summary_csf_k": -1.147310381330692,
  "summary_csf_mad": 147.7752587194856,
  "summary_csf_mean": 271.53594970703125,
  "summary_csf_median": 298.425537109375,
  "summary_csf_n": 6047.0,
  "summary_csf_p05": 71.32403717041016,
  "summary_csf_p95": 442.4712951660156,
  "summary_csf_stdv": 125.83851623535156,
  "summary_gm_k": 0.14839736782039337,
  "summary_gm_mad": 81.59153462687186,
  "summary_gm_mean": 628.469970703125,
  "summary_gm_median": 623.357666015625,
  "summary_gm_n": 16849.0,
  "summary_gm_p05": 496.172900390625,
  "summary_gm_p95": 778.9944580078123,
  "summary_gm_stdv": 84.93901824951172,
  "summary_wm_k": 1.1549608856297056,
  "summary_wm_mad": 42.719105256137794,
  "summary_wm_mean": 996.5020751953125,
  "summary_wm_median": 999.9818115234375,
  "summary_wm_n": 191315.0,
  "summary_wm_p05": 910.6904357910156,
  "summary_wm_p95": 1068.7580444335936,
  "summary_wm_stdv": 48.28620529174805,
  "tpm_overlap_csf": 0.16643598675727844,
  "tpm_overlap_gm": 0.4363832473754883,
  "tpm_overlap_wm": 0.5142980813980103,
  "wm2max": 0.692894830657834
}