{
  "aor": 0.0013852244897959185,
  "aqi": 0.0049737682040816335,
  "bids_meta": {
    "AcquisitionNumber": 3,
    "BidsifyVersion": "0.3.5",
    "ConversionSoftware": "dcm2niix",
    "ConversionSoftwareVersion": "v1.0.20181125  GCC6.3.0",
    "EchoTime": 0.02762,
    "EffectiveEchoSpacing": 0.0006621159151938905,
    "ImageComments": "piop",
    "ImageOrientationPatientDICOM": [
      0.999589,
      0.0268887,
      -0.00990709,
      -0.0268735,
      0.999637,
      0.00166311
    ],
    "Manufacturer": "Philips",
    "NumberOfVolumesDiscardedByScanner": 2,
    "ParallelAcquisitionTechnique": "SENSE",
    "ParallelReductionFactorInPlane": 2,
    "PatientPosition": "HFS",
    "PhaseEncodingDirection": "j",
    "PhilipsRescaleIntercept": 0,
    "PhilipsRescaleSlope": 0.73407,
    "PhilipsScaleSlope": 0.0526685,
    "ProtocolName": "WIPpiopgstroopSENSE",
    "PulseSequenceType": "gradient echo EPI",
    "ReconMatrixPE": 80,
    "RepetitionTime": 2,
    "SeriesDescription": "ImageMRSERIES",
    "SeriesNumber": 3,
    "SliceEncodingDirection": "k",
    "SliceTiming": [
      0.0,
      0.0541,
      0.1081,
      0.1622,
      0.2162,
      0.2703,
      0.3243,
      0.3784,
      0.4324,
      0.4865,
      0.5405,
      0.5946,
      0.6486,
      0.7027,
      0.7568,
      0.8108,
      0.8649,
      0.9189,
      0.973,
      1.027,
      1.0811,
      1.1351,
      1.1892,
      1.2432,
      1.2973,
      1.3514,
      1.4054,
      1.4595,
      1.5135,
      1.5676,
      1.6216,
      1.6757,
      1.7297,
      1.7838,
      1.8378,
      1.8919,
      1.9459
    ],
    "TaskName": "gstroop",
    "TotalReadoutTime": 0.025822520692561732,
    "UsePhilipsFloatNotDisplayScaling": 1,
    "acq_id": "seq",
    "dataset": "ds002785",
    "modality": "bold",
    "subject_id": "0070",
    "task_id": "gstroop"
  },
  "dummy_trs": 0,
  "dvars_nstd": 21.690904691803276,
  "dvars_std": 1.2354480780737704,
  "dvars_vstd": 0.9895619040163939,
  "efc": 0.44100549435151937,
  "fber": 166975.515625,
  "fd_mean": 0.14514154051149422,
  "fd_num": 39,
  "fd_perc": 15.918367346938776,
  "fwhm_avg": 1.841308291363274,
  "fwhm_x": 1.7646666666666666,
  "fwhm_y": 1.98724,
  "fwhm_z": 1.7720182074231554,
  "gcor": 0.0267687,
  "gsr_x": -0.017281336709856987,
  "gsr_y": 0.02577122487127781,
  "provenance": {
    "md5sum": "beff1b4472eb7ba5c5e9d7ac9eb94566",
    "settings": {
      "fd_thres": 0.2,
      "testing": false
    },
    "software": "mriqc",
    "version": "22.0.0rc1",
    "webapi_port": null,
    "webapi_url": "https://mriqc.nimh.nih.gov/api/v1"
  },
  "size_t": 245,
  "size_x": 80,
  "size_y": 80,
  "size_z": 37,
  "snr": 5.400622410367387,
  "spacing_tr": 2.0,
  "spacing_x": 3.0,
  "spacing_y": 3.0,
  "spacing_z": 3.299999952316284,
  "summary_bg_k": 66.99169315579901,
  "summary_bg_mad": 69.83005180434614,
  "summary_bg_mean": 615.136474609375,
  "summary_bg_median": 63.04342269897461,
  "summary_bg_n": 156355.0,
  "summary_bg_p05": 4.082178211212159,
  "summary_bg_p95": 3315.622680664054,
  "summary_bg_stdv": 1737.1734619140625,
  "summary_fg_k": 2.371321401106356,
  "summary_fg_mad": 4337.092176566917,
  "summary_fg_mean": 27184.53125,
  "summary_fg_median": 26631.8984375,
  "summary_fg_n": 38836.0,
  "summary_fg_p05": 20346.4951171875,
  "summary_fg_p95": 35546.193359375,
  "summary_fg_stdv": 4931.201171875,
  "tsnr": 78.58273315429688
}