{
  "aor": 0.0027924242424242425,
  "aqi": 0.009639403484848484,
  "bids_meta": {
    "AcquisitionNumber": 2,
    "BidsifyVersion": "0.3.5",
    "ConversionSoftware": "dcm2niix",
    "ConversionSoftwareVersion": "v1.0.20181125  GCC6.3.0",
    "EchoTime": 0.02762,
    "EffectiveEchoSpacing": 0.0006333282667071997,
    "ImageComments": "piop",
    "ImageOrientationPatientDICOM": [
      0.999589,
      0.0268887,
      -0.00990709,
      -0.0268735,
      0.999637,
      0.00166311
    ],
    "Manufacturer": "Philips",
    "NumberOfVolumesDiscardedByScanner": 2,
    "ParallelAcquisitionTechnique": "SENSE",
    "ParallelReductionFactorInPlane": 2,
    "PatientPosition": "HFS",
    "PhaseEncodingDirection": "j",
    "PhilipsRescaleIntercept": 0,
    "PhilipsRescaleSlope": 0.78217,
    "PhilipsScaleSlope": 0.0840555,
    "ProtocolName": "WIPpiopfacesSENSE",
    "PulseSequenceType": "gradient echo EPI",
    "ReconMatrixPE": 80,
    "RepetitionTime": 0.75,
    "SeriesDescription": "ImageMRSERIES",
    "SeriesNumber": 2,
    "SliceEncodingDirection": "k",
    "SliceTiming": [
      0.0,
      0.06755050505050506,
      0.1351010101010101,
      0.20265151515151517,
      0.2702020202020202,
      0.3377525252525253,
      0.40530303030303033,
      0.47285353535353536,
      0.5404040404040404,
      0.6079545454545455,
      0.6755050505050506,
      0.7430555555555556,
      0.0,
      0.06755050505050506,
      0.1351010101010101,
      0.20265151515151517,
      0.2702020202020202,
      0.3377525252525253,
      0.40530303030303033,
      0.47285353535353536,
      0.5404040404040404,
      0.6079545454545455,
      0.6755050505050506,
      0.7430555555555556,
      0.0,
      0.06755050505050506,
      0.1351010101010101,
      0.20265151515151517,
      0.2702020202020202,
      0.3377525252525253,
      0.40530303030303033,
      0.47285353535353536,
      0.5404040404040404,
      0.6079545454545455,
      0.6755050505050506,
      0.7430555555555556
    ],
    "TaskName": "faces",
    "TotalReadoutTime": 0.024699802401580786,
    "UsePhilipsFloatNotDisplayScaling": 1,
    "acq_id": "mb3",
    "dataset": "ds002785",
    "modality": "bold",
    "subject_id": "0070",
    "task_id": "faces"
  },
  "dummy_trs": 0,
  "dvars_nstd": 21.899563763221884,
  "dvars_std": 1.1117545519148933,
  "dvars_vstd": 1.0163072485410338,
  "efc": 0.4467395938961303,
  "fber": 205936.203125,
  "fd_mean": 0.12811176495909812,
  "fd_num": 48,
  "fd_perc": 14.545454545454545,
  "fwhm_avg": 2.208238038318733,
  "fwhm_x": 2.187,
  "fwhm_y": 2.4127199999999998,
  "fwhm_z": 2.024994114956201,
  "gcor": 0.0324051,
  "gsr_x": -0.018591493368148804,
  "gsr_y": 0.026403559371829033,
  "provenance": {
    "md5sum": "6e971bb78f4bcde0ace7ec94154d0d2d",
    "settings": {
      "fd_thres": 0.2,
      "testing": false
    },
    "software": "mriqc",
    "version": "22.0.0rc1",
    "webapi_port": null,
    "webapi_url": "https://mriqc.nimh.nih.gov/api/v1"
  },
  "size_t": 330,
  "size_x": 80,
  "size_y": 80,
  "size_z": 36,
  "snr": 6.095067066481363,
  "spacing_tr": 0.75,
  "spacing_x": 3.0,
  "spacing_y": 3.0,
  "spacing_z": 3.299999713897705,
  "summary_bg_k": 40.765459389779124,
  "summary_bg_mad": 48.96628515536815,
  "summary_bg_mean": 460.9722900390625,
  "summary_bg_median": 42.21656799316406,
  "summary_bg_n": 151858.0,
  "summary_bg_p05": 2.897755038738251,
  "summary_bg_p95": 2470.413635253905,
  "summary_bg_stdv": 1197.60986328125,
  "summary_fg_k": 0.5038654158003268,
  "summary_fg_mad": 3087.9071448372906,
  "summary_fg_mean": 19535.017578125,
  "summary_fg_median": 19462.052734375,
  "summary_fg_n": 37927.0,
  "summary_fg_p05": 14403.37109375,
  "summary_fg_p95": 24846.328906249997,
  "summary_fg_stdv": 3193.04052734375,
  "tsnr": 55.015506744384766
}