{
  "aor": 0.0010955230125523014,
  "aqi": 0.012839925209205022,
  "bids_meta": {
    "AcquisitionNumber": 6,
    "BidsifyVersion": "0.3.5",
    "ConversionSoftware": "dcm2niix",
    "ConversionSoftwareVersion": "v1.0.20181125  GCC6.3.0",
    "EchoTime": 0.02762,
    "EffectiveEchoSpacing": 0.0006333282667071997,
    "ImageComments": "piop",
    "ImageOrientationPatientDICOM": [
      0.999589,
      0.0268887,
      -0.00990709,
      -0.0268735,
      0.999637,
      0.00166311
    ],
    "Manufacturer": "Philips",
    "NumberOfVolumesDiscardedByScanner": 2,
    "ParallelAcquisitionTechnique": "SENSE",
    "ParallelReductionFactorInPlane": 2,
    "PatientPosition": "HFS",
    "PhaseEncodingDirection": "j",
    "PhilipsRescaleIntercept": 0,
    "PhilipsRescaleSlope": 0.75775,
    "PhilipsScaleSlope": 0.0923032,
    "ProtocolName": "WIPpioprsSENSE",
    "PulseSequenceType": "gradient echo EPI",
    "ReconMatrixPE": 80,
    "RepetitionTime": 0.75,
    "SeriesDescription": "ImageMRSERIES",
    "SeriesNumber": 6,
    "SliceEncodingDirection": "k",
    "SliceTiming": [
      0.0,
      0.06755050505050506,
      0.1351010101010101,
      0.20265151515151517,
      0.2702020202020202,
      0.3377525252525253,
      0.40530303030303033,
      0.47285353535353536,
      0.5404040404040404,
      0.6079545454545455,
      0.6755050505050506,
      0.7430555555555556,
      0.0,
      0.06755050505050506,
      0.1351010101010101,
      0.20265151515151517,
      0.2702020202020202,
      0.3377525252525253,
      0.40530303030303033,
      0.47285353535353536,
      0.5404040404040404,
      0.6079545454545455,
      0.6755050505050506,
      0.7430555555555556,
      0.0,
      0.06755050505050506,
      0.1351010101010101,
      0.20265151515151517,
      0.2702020202020202,
      0.3377525252525253,
      0.40530303030303033,
      0.47285353535353536,
      0.5404040404040404,
      0.6079545454545455,
      0.6755050505050506,
      0.7430555555555556
    ],
    "TaskName": "restingstate",
    "TotalReadoutTime": 0.024699802401580786,
    "UsePhilipsFloatNotDisplayScaling": 1,
    "acq_id": "mb3",
    "dataset": "ds002785",
    "modality": "bold",
    "subject_id": "0070",
    "task_id": "restingstate"
  },
  "dummy_trs": 2,
  "dvars_nstd": 26.717838411194958,
  "dvars_std": 1.1093486608805039,
  "dvars_vstd": 0.9749517267505239,
  "efc": 0.4407075828017955,
  "fber": 216951.921875,
  "fd_mean": 0.0952613388093244,
  "fd_num": 15,
  "fd_perc": 3.1380753138075312,
  "fwhm_avg": 1.9567552614517842,
  "fwhm_x": 1.8816499999999998,
  "fwhm_y": 2.1353066666666667,
  "fwhm_z": 1.8533091176886864,
  "gcor": 0.0245048,
  "gsr_x": -0.015550908632576466,
  "gsr_y": 0.028217047452926636,
  "provenance": {
    "md5sum": "e0247d0db70d37e52ee8122c63c347b3",
    "settings": {
      "fd_thres": 0.2,
      "testing": false
    },
    "software": "mriqc",
    "version": "22.0.0rc1",
    "webapi_port": null,
    "webapi_url": "https://mriqc.nimh.nih.gov/api/v1"
  },
  "size_t": 478,
  "size_x": 80,
  "size_y": 80,
  "size_z": 36,
  "snr": 6.216579390694924,
  "spacing_tr": 0.75,
  "spacing_x": 3.0,
  "spacing_y": 3.0,
  "spacing_z": 3.299999952316284,
  "summary_bg_k": 44.44894171636954,
  "summary_bg_mad": 44.598833674851534,
  "summary_bg_mean": 420.0975036621094,
  "summary_bg_median": 39.18320083618164,
  "summary_bg_n": 153063.0,
  "summary_bg_p05": 2.7702677965164186,
  "summary_bg_p95": 2322.9580810546863,
  "summary_bg_stdv": 1108.365966796875,
  "summary_fg_k": 0.876854733121363,
  "summary_fg_mad": 2816.1652698544367,
  "summary_fg_mean": 18546.56640625,
  "summary_fg_median": 18477.427734375,
  "summary_fg_n": 37451.0,
  "summary_fg_p05": 13889.49853515625,
  "summary_fg_p95": 23535.205078125,
  "summary_fg_stdv": 2972.242431640625,
  "tsnr": 46.91603088378906
}