{
  "aor": 0.0018258518518518517,
  "aqi": 0.004156518518518518,
  "bids_meta": {
    "AcquisitionNumber": 5,
    "BidsifyVersion": "0.3.5",
    "ConversionSoftware": "dcm2niix",
    "ConversionSoftwareVersion": "v1.0.20181125  GCC6.3.0",
    "EchoTime": 0.02762,
    "EffectiveEchoSpacing": 0.0006621159151938905,
    "ImageComments": "piop",
    "ImageOrientationPatientDICOM": [
      0.999589,
      0.0268887,
      -0.00990709,
      -0.0268735,
      0.999637,
      0.00166311
    ],
    "Manufacturer": "Philips",
    "NumberOfVolumesDiscardedByScanner": 2,
    "ParallelAcquisitionTechnique": "SENSE",
    "ParallelReductionFactorInPlane": 2,
    "PatientPosition": "HFS",
    "PhaseEncodingDirection": "j",
    "PhilipsRescaleIntercept": 0,
    "PhilipsRescaleSlope": 0.74725,
    "PhilipsScaleSlope": 0.0516368,
    "ProtocolName": "WIPpiopharririSENSE",
    "PulseSequenceType": "gradient echo EPI",
    "ReconMatrixPE": 80,
    "RepetitionTime": 2,
    "SeriesDescription": "ImageMRSERIES",
    "SeriesNumber": 5,
    "SliceEncodingDirection": "k",
    "SliceTiming": [
      0.0,
      0.0541,
      0.1081,
      0.1622,
      0.2162,
      0.2703,
      0.3243,
      0.3784,
      0.4324,
      0.4865,
      0.5405,
      0.5946,
      0.6486,
      0.7027,
      0.7568,
      0.8108,
      0.8649,
      0.9189,
      0.973,
      1.027,
      1.0811,
      1.1351,
      1.1892,
      1.2432,
      1.2973,
      1.3514,
      1.4054,
      1.4595,
      1.5135,
      1.5676,
      1.6216,
      1.6757,
      1.7297,
      1.7838,
      1.8378,
      1.8919,
      1.9459
    ],
    "TaskName": "emomatching",
    "TotalReadoutTime": 0.025822520692561732,
    "UsePhilipsFloatNotDisplayScaling": 1,
    "acq_id": "seq",
    "dataset": "ds002785",
    "modality": "bold",
    "subject_id": "0070",
    "task_id": "emomatching"
  },
  "dummy_trs": 0,
  "dvars_nstd": 19.513442345820884,
  "dvars_std": 1.2100181738059708,
  "dvars_vstd": 1.0026892187313434,
  "efc": 0.43900588257595646,
  "fber": 180290.703125,
  "fd_mean": 0.12277360556245119,
  "fd_num": 9,
  "fd_perc": 6.666666666666667,
  "fwhm_avg": 1.8648503116701634,
  "fwhm_x": 1.7821300000000002,
  "fwhm_y": 2.01863,
  "fwhm_z": 1.79379093501049,
  "gcor": 0.0263349,
  "gsr_x": -0.01644168794155121,
  "gsr_y": 0.026958268135786057,
  "provenance": {
    "md5sum": "6353732199db2942a36fa260050f223b",
    "settings": {
      "fd_thres": 0.2,
      "testing": false
    },
    "software": "mriqc",
    "version": "22.0.0rc1",
    "webapi_port": null,
    "webapi_url": "https://mriqc.nimh.nih.gov/api/v1"
  },
  "size_t": 135,
  "size_x": 80,
  "size_y": 80,
  "size_z": 37,
  "snr": 5.322902445545819,
  "spacing_tr": 2.0,
  "spacing_x": 3.0,
  "spacing_y": 3.0,
  "spacing_z": 3.299999952316284,
  "summary_bg_k": 69.90689232078827,
  "summary_bg_mad": 70.48317169329596,
  "summary_bg_mean": 615.8819580078125,
  "summary_bg_median": 61.05183410644531,
  "summary_bg_n": 156864.0,
  "summary_bg_p05": 2.7634774208068853,
  "summary_bg_p95": 3363.560449218751,
  "summary_bg_stdv": 1730.1129150390625,
  "summary_fg_k": 2.1667983732397698,
  "summary_fg_mad": 4416.703861710226,
  "summary_fg_mean": 27295.904296875,
  "summary_fg_median": 26738.873046875,
  "summary_fg_n": 38637.0,
  "summary_fg_p05": 20258.3453125,
  "summary_fg_p95": 35874.3328125,
  "summary_fg_stdv": 5023.29833984375,
  "tsnr": 84.2222671508789
}