{
  "aor": 0.0006565,
  "aqi": 0.00326138515,
  "bids_meta": {
    "AcquisitionNumber": 9,
    "BidsifyVersion": "0.3.5",
    "ConversionSoftware": "dcm2niix",
    "ConversionSoftwareVersion": "v1.0.20181125  GCC6.3.0",
    "EchoTime": 0.02762,
    "EffectiveEchoSpacing": 0.0006621159151938905,
    "ImageComments": "piop",
    "ImageOrientationPatientDICOM": [
      0.999039,
      0.032826,
      0.0290316,
      -0.0214502,
      0.944004,
      -0.329236
    ],
    "Manufacturer": "Philips",
    "NumberOfVolumesDiscardedByScanner": 2,
    "ParallelAcquisitionTechnique": "SENSE",
    "ParallelReductionFactorInPlane": 2,
    "PatientPosition": "HFS",
    "PhaseEncodingDirection": "j",
    "PhilipsRescaleIntercept": 0,
    "PhilipsRescaleSlope": 0.81099,
    "PhilipsScaleSlope": 0.0586573,
    "ProtocolName": "WIPpiopanticipatieSENSE",
    "PulseSequenceType": "gradient echo EPI",
    "ReconMatrixPE": 80,
    "RepetitionTime": 2,
    "SeriesDescription": "ImageMRSERIES",
    "SeriesNumber": 9,
    "SliceEncodingDirection": "k",
    "SliceTiming": [
      0.0,
      0.0541,
      0.1081,
      0.1622,
      0.2162,
      0.2703,
      0.3243,
      0.3784,
      0.4324,
      0.4865,
      0.5405,
      0.5946,
      0.6486,
      0.7027,
      0.7568,
      0.8108,
      0.8649,
      0.9189,
      0.973,
      1.027,
      1.0811,
      1.1351,
      1.1892,
      1.2432,
      1.2973,
      1.3514,
      1.4054,
      1.4595,
      1.5135,
      1.5676,
      1.6216,
      1.6757,
      1.7297,
      1.7838,
      1.8378,
      1.8919,
      1.9459
    ],
    "TaskName": "anticipation",
    "TotalReadoutTime": 0.025822520692561732,
    "UsePhilipsFloatNotDisplayScaling": 1,
    "acq_id": "seq",
    "dataset": "ds002785",
    "modality": "bold",
    "subject_id": "0171",
    "task_id": "anticipation"
  },
  "dummy_trs": 0,
  "dvars_nstd": 19.46732560834172,
  "dvars_std": 1.1804445971356785,
  "dvars_vstd": 0.9963788914070344,
  "efc": 0.4211341242831985,
  "fber": 172492.171875,
  "fd_mean": 0.12036474132716485,
  "fd_num": 14,
  "fd_perc": 7.0,
  "fwhm_avg": 1.7811336444640444,
  "fwhm_x": 1.7319366666666667,
  "fwhm_y": 1.9296733333333334,
  "fwhm_z": 1.6817909333921335,
  "gcor": 0.0252312,
  "gsr_x": -0.02500101551413536,
  "gsr_y": 0.020267831161618233,
  "provenance": {
    "md5sum": "296f6cda9e8b7e31f7fb214df20459e0",
    "settings": {
      "fd_thres": 0.2,
      "testing": false
    },
    "software": "mriqc",
    "version": "22.0.0rc1",
    "webapi_port": null,
    "webapi_url": "https://mriqc.nimh.nih.gov/api/v1"
  },
  "size_t": 200,
  "size_x": 80,
  "size_y": 80,
  "size_z": 37,
  "snr": 5.141839689724776,
  "spacing_tr": 2.0,
  "spacing_x": 3.0,
  "spacing_y": 3.0,
  "spacing_z": 3.299999952316284,
  "summary_bg_k": 54.836094887095356,
  "summary_bg_mad": 49.36713491299361,
  "summary_bg_mean": 644.72802734375,
  "summary_bg_median": 54.151668548583984,
  "summary_bg_n": 162005.0,
  "summary_bg_p05": 5.889992141723635,
  "summary_bg_p95": 3893.671630859374,
  "summary_bg_stdv": 2012.361083984375,
  "summary_fg_k": 1.846894481142714,
  "summary_fg_mad": 4146.13474824787,
  "summary_fg_mean": 23630.791015625,
  "summary_fg_median": 23096.89453125,
  "summary_fg_n": 33168.0,
  "summary_fg_p05": 17377.62724609375,
  "summary_fg_p95": 31215.172851562496,
  "summary_fg_stdv": 4491.8837890625,
  "tsnr": 86.96295928955078
}