{
  "aor": 0.00041891440501043843,
  "aqi": 0.007130567432150313,
  "bids_meta": {
    "AcquisitionNumber": 6,
    "BidsifyVersion": "0.3.5",
    "ConversionSoftware": "dcm2niix",
    "ConversionSoftwareVersion": "v1.0.20181125  GCC6.3.0",
    "EchoTime": 0.02762,
    "EffectiveEchoSpacing": 0.0006333282667071997,
    "ImageComments": "piop",
    "ImageOrientationPatientDICOM": [
      0.999039,
      0.032826,
      0.0290316,
      -0.0214502,
      0.944004,
      -0.329236
    ],
    "Manufacturer": "Philips",
    "NumberOfVolumesDiscardedByScanner": 2,
    "ParallelAcquisitionTechnique": "SENSE",
    "ParallelReductionFactorInPlane": 2,
    "PatientPosition": "HFS",
    "PhaseEncodingDirection": "j",
    "PhilipsRescaleIntercept": 0,
    "PhilipsRescaleSlope": 0.79292,
    "PhilipsScaleSlope": 0.0902723,
    "ProtocolName": "WIPpioprsSENSE",
    "PulseSequenceType": "gradient echo EPI",
    "ReconMatrixPE": 80,
    "RepetitionTime": 0.75,
    "SeriesDescription": "ImageMRSERIES",
    "SeriesNumber": 6,
    "SliceEncodingDirection": "k",
    "SliceTiming": [
      0.0,
      0.06755050505050506,
      0.1351010101010101,
      0.20265151515151517,
      0.2702020202020202,
      0.3377525252525253,
      0.40530303030303033,
      0.47285353535353536,
      0.5404040404040404,
      0.6079545454545455,
      0.6755050505050506,
      0.7430555555555556,
      0.0,
      0.06755050505050506,
      0.1351010101010101,
      0.20265151515151517,
      0.2702020202020202,
      0.3377525252525253,
      0.40530303030303033,
      0.47285353535353536,
      0.5404040404040404,
      0.6079545454545455,
      0.6755050505050506,
      0.7430555555555556,
      0.0,
      0.06755050505050506,
      0.1351010101010101,
      0.20265151515151517,
      0.2702020202020202,
      0.3377525252525253,
      0.40530303030303033,
      0.47285353535353536,
      0.5404040404040404,
      0.6079545454545455,
      0.6755050505050506,
      0.7430555555555556
    ],
    "TaskName": "restingstate",
    "TotalReadoutTime": 0.024699802401580786,
    "UsePhilipsFloatNotDisplayScaling": 1,
    "acq_id": "mb3",
    "dataset": "ds002785",
    "modality": "bold",
    "subject_id": "0171",
    "task_id": "restingstate"
  },
  "dummy_trs": 1,
  "dvars_nstd": 26.883197122008387,
  "dvars_std": 1.147910412949792,
  "dvars_vstd": 1.0081858715271963,
  "efc": 0.42640252854035515,
  "fber": 189318.46875,
  "fd_mean": 0.08882314065450685,
  "fd_num": 8,
  "fd_perc": 1.6701461377870563,
  "fwhm_avg": 1.7946899072297242,
  "fwhm_x": 1.73369,
  "fwhm_y": 1.9396433333333334,
  "fwhm_z": 1.7107363883558389,
  "gcor": 0.0207272,
  "gsr_x": -0.02576448954641819,
  "gsr_y": 0.0179052222520113,
  "provenance": {
    "md5sum": "fed12f4d0813ec703cc8fdb2f310c4c3",
    "settings": {
      "fd_thres": 0.2,
      "testing": false
    },
    "software": "mriqc",
    "version": "22.0.0rc1",
    "webapi_port": null,
    "webapi_url": "https://mriqc.nimh.nih.gov/api/v1"
  },
  "size_t": 479,
  "size_x": 80,
  "size_y": 80,
  "size_z": 36,
  "snr": 6.41526395769409,
  "spacing_tr": 0.75,
  "spacing_x": 3.0,
  "spacing_y": 3.0,
  "spacing_z": 3.299999952316284,
  "summary_bg_k": 43.36987809208654,
  "summary_bg_mad": 35.993330519969035,
  "summary_bg_mean": 466.0694580078125,
  "summary_bg_median": 37.978546142578125,
  "summary_bg_n": 156922.0,
  "summary_bg_p05": 3.702229726314545,
  "summary_bg_p95": 2770.366870117183,
  "summary_bg_stdv": 1419.0938720703125,
  "summary_fg_k": 1.4715658606457644,
  "summary_fg_mad": 2428.790556804249,
  "summary_fg_mean": 17101.095703125,
  "summary_fg_median": 16972.0859375,
  "summary_fg_n": 32538.0,
  "summary_fg_p05": 13042.751708984375,
  "summary_fg_p95": 21457.59697265625,
  "summary_fg_stdv": 2645.5380859375,
  "tsnr": 57.633811950683594
}