{
  "aor": 0.0003707272727272727,
  "aqi": 0.0064469666060606055,
  "bids_meta": {
    "AcquisitionNumber": 2,
    "BidsifyVersion": "0.3.5",
    "ConversionSoftware": "dcm2niix",
    "ConversionSoftwareVersion": "v1.0.20181125  GCC6.3.0",
    "EchoTime": 0.02762,
    "EffectiveEchoSpacing": 0.0006333282667071997,
    "ImageComments": "piop",
    "ImageOrientationPatientDICOM": [
      0.999039,
      0.032826,
      0.0290316,
      -0.0214502,
      0.944004,
      -0.329236
    ],
    "Manufacturer": "Philips",
    "NumberOfVolumesDiscardedByScanner": 2,
    "ParallelAcquisitionTechnique": "SENSE",
    "ParallelReductionFactorInPlane": 2,
    "PatientPosition": "HFS",
    "PhaseEncodingDirection": "j",
    "PhilipsRescaleIntercept": 0,
    "PhilipsRescaleSlope": 0.7685,
    "PhilipsScaleSlope": 0.0950971,
    "ProtocolName": "WIPpiopfacesSENSE",
    "PulseSequenceType": "gradient echo EPI",
    "ReconMatrixPE": 80,
    "RepetitionTime": 0.75,
    "SeriesDescription": "ImageMRSERIES",
    "SeriesNumber": 2,
    "SliceEncodingDirection": "k",
    "SliceTiming": [
      0.0,
      0.06755050505050506,
      0.1351010101010101,
      0.20265151515151517,
      0.2702020202020202,
      0.3377525252525253,
      0.40530303030303033,
      0.47285353535353536,
      0.5404040404040404,
      0.6079545454545455,
      0.6755050505050506,
      0.7430555555555556,
      0.0,
      0.06755050505050506,
      0.1351010101010101,
      0.20265151515151517,
      0.2702020202020202,
      0.3377525252525253,
      0.40530303030303033,
      0.47285353535353536,
      0.5404040404040404,
      0.6079545454545455,
      0.6755050505050506,
      0.7430555555555556,
      0.0,
      0.06755050505050506,
      0.1351010101010101,
      0.20265151515151517,
      0.2702020202020202,
      0.3377525252525253,
      0.40530303030303033,
      0.47285353535353536,
      0.5404040404040404,
      0.6079545454545455,
      0.6755050505050506,
      0.7430555555555556
    ],
    "TaskName": "faces",
    "TotalReadoutTime": 0.024699802401580786,
    "UsePhilipsFloatNotDisplayScaling": 1,
    "acq_id": "mb3",
    "dataset": "ds002785",
    "modality": "bold",
    "subject_id": "0171",
    "task_id": "faces"
  },
  "dummy_trs": 0,
  "dvars_nstd": 22.65728526161095,
  "dvars_std": 1.1300731816717327,
  "dvars_vstd": 0.9967770067781154,
  "efc": 0.4263934662093499,
  "fber": 180568.546875,
  "fd_mean": 0.10220302857463305,
  "fd_num": 8,
  "fd_perc": 2.4242424242424243,
  "fwhm_avg": 2.013544699723815,
  "fwhm_x": 2.009116666666667,
  "fwhm_y": 2.18859,
  "fwhm_z": 1.8429274325047782,
  "gcor": 0.0169272,
  "gsr_x": -0.026282191276550293,
  "gsr_y": 0.01768014021217823,
  "provenance": {
    "md5sum": "a49aa5410eec6283ddb2fa014e46842b",
    "settings": {
      "fd_thres": 0.2,
      "testing": false
    },
    "software": "mriqc",
    "version": "22.0.0rc1",
    "webapi_port": null,
    "webapi_url": "https://mriqc.nimh.nih.gov/api/v1"
  },
  "size_t": 330,
  "size_x": 80,
  "size_y": 80,
  "size_z": 36,
  "snr": 6.291506744339408,
  "spacing_tr": 0.75,
  "spacing_x": 3.0,
  "spacing_y": 3.0,
  "spacing_z": 3.299999713897705,
  "summary_bg_k": 46.301029212705004,
  "summary_bg_mad": 38.0770854243424,
  "summary_bg_mean": 448.4478759765625,
  "summary_bg_median": 39.61227798461914,
  "summary_bg_n": 156923.0,
  "summary_bg_p05": 4.51098747253418,
  "summary_bg_p95": 2611.7456298828088,
  "summary_bg_stdv": 1342.074462890625,
  "summary_fg_k": 1.2204255736182823,
  "summary_fg_mad": 2474.329900142781,
  "summary_fg_mean": 17302.892578125,
  "summary_fg_median": 17140.1875,
  "summary_fg_n": 32584.0,
  "summary_fg_p05": 13127.959179687501,
  "summary_fg_p95": 21849.553710937493,
  "summary_fg_stdv": 2724.295654296875,
  "tsnr": 62.29557800292969
}