{
  "aor": 0.00045677551020408154,
  "aqi": 0.008429657020408165,
  "bids_meta": {
    "AcquisitionNumber": 3,
    "BidsifyVersion": "0.3.5",
    "ConversionSoftware": "dcm2niix",
    "ConversionSoftwareVersion": "v1.0.20181125  GCC6.3.0",
    "EchoTime": 0.02762,
    "EffectiveEchoSpacing": 0.0006621159151938905,
    "ImageComments": "piop",
    "ImageOrientationPatientDICOM": [
      0.999039,
      0.032826,
      0.0290316,
      -0.0214502,
      0.944004,
      -0.329236
    ],
    "Manufacturer": "Philips",
    "NumberOfVolumesDiscardedByScanner": 2,
    "ParallelAcquisitionTechnique": "SENSE",
    "ParallelReductionFactorInPlane": 2,
    "PatientPosition": "HFS",
    "PhaseEncodingDirection": "j",
    "PhilipsRescaleIntercept": 0,
    "PhilipsRescaleSlope": 0.78144,
    "PhilipsScaleSlope": 0.0585478,
    "ProtocolName": "WIPpiopgstroopSENSE",
    "PulseSequenceType": "gradient echo EPI",
    "ReconMatrixPE": 80,
    "RepetitionTime": 2,
    "SeriesDescription": "ImageMRSERIES",
    "SeriesNumber": 3,
    "SliceEncodingDirection": "k",
    "SliceTiming": [
      0.0,
      0.0541,
      0.1081,
      0.1622,
      0.2162,
      0.2703,
      0.3243,
      0.3784,
      0.4324,
      0.4865,
      0.5405,
      0.5946,
      0.6486,
      0.7027,
      0.7568,
      0.8108,
      0.8649,
      0.9189,
      0.973,
      1.027,
      1.0811,
      1.1351,
      1.1892,
      1.2432,
      1.2973,
      1.3514,
      1.4054,
      1.4595,
      1.5135,
      1.5676,
      1.6216,
      1.6757,
      1.7297,
      1.7838,
      1.8378,
      1.8919,
      1.9459
    ],
    "TaskName": "gstroop",
    "TotalReadoutTime": 0.025822520692561732,
    "UsePhilipsFloatNotDisplayScaling": 1,
    "acq_id": "seq",
    "dataset": "ds002785",
    "modality": "bold",
    "subject_id": "0171",
    "task_id": "gstroop"
  },
  "dummy_trs": 0,
  "dvars_nstd": 20.47437523196721,
  "dvars_std": 1.1095705477868856,
  "dvars_vstd": 0.9232787758606565,
  "efc": 0.41992195947890115,
  "fber": 164216.125,
  "fd_mean": 0.12242027226219172,
  "fd_num": 22,
  "fd_perc": 8.979591836734693,
  "fwhm_avg": 1.7723294019426394,
  "fwhm_x": 1.73011,
  "fwhm_y": 1.92526,
  "fwhm_z": 1.6616182058279183,
  "gcor": 0.0115441,
  "gsr_x": -0.024631880223751068,
  "gsr_y": 0.019619928672909737,
  "provenance": {
    "md5sum": "9d2b02ccc6691668a39ed64775742f2a",
    "settings": {
      "fd_thres": 0.2,
      "testing": false
    },
    "software": "mriqc",
    "version": "22.0.0rc1",
    "webapi_port": null,
    "webapi_url": "https://mriqc.nimh.nih.gov/api/v1"
  },
  "size_t": 245,
  "size_x": 80,
  "size_y": 80,
  "size_z": 37,
  "snr": 5.170637894421743,
  "spacing_tr": 2.0,
  "spacing_x": 3.0,
  "spacing_y": 3.0,
  "spacing_z": 3.299999952316284,
  "summary_bg_k": 62.10928530547875,
  "summary_bg_mad": 56.551766874645594,
  "summary_bg_mean": 637.8530883789062,
  "summary_bg_median": 56.91492462158203,
  "summary_bg_n": 161996.0,
  "summary_bg_p05": 5.410042405128479,
  "summary_bg_p95": 3723.5372314453125,
  "summary_bg_stdv": 2018.140869140625,
  "summary_fg_k": 1.8839949703441876,
  "summary_fg_mad": 4244.367280199969,
  "summary_fg_mean": 24316.099609375,
  "summary_fg_median": 23752.0390625,
  "summary_fg_n": 33182.0,
  "summary_fg_p05": 17998.8826171875,
  "summary_fg_p95": 32120.8458984375,
  "summary_fg_stdv": 4593.56884765625,
  "tsnr": 60.752532958984375
}