{
  "aor": 0.001578395061728395,
  "aqi": 0.007721180432098765,
  "bids_meta": {
    "AcquisitionNumber": 9,
    "BidsifyVersion": "0.3.5",
    "ConversionSoftware": "dcm2niix",
    "ConversionSoftwareVersion": "v1.0.20181125  GCC6.3.0",
    "EchoTime": 0.02762,
    "EffectiveEchoSpacing": 0.0006621159151938905,
    "ImageComments": "Piop",
    "ImageOrientationPatientDICOM": [
      0.998719,
      0.0490363,
      -0.0124838,
      -0.0505929,
      0.963448,
      -0.263073
    ],
    "Manufacturer": "Philips",
    "NumberOfVolumesDiscardedByScanner": 2,
    "ParallelAcquisitionTechnique": "SENSE",
    "ParallelReductionFactorInPlane": 2,
    "PatientPosition": "HFS",
    "PhaseEncodingDirection": "j",
    "PhilipsRescaleIntercept": 0,
    "PhilipsRescaleSlope": 0.84103,
    "PhilipsScaleSlope": 0.0525322,
    "ProtocolName": "WIPpiopwmSENSE",
    "PulseSequenceType": "gradient echo EPI",
    "ReconMatrixPE": 80,
    "RepetitionTime": 2,
    "SeriesDescription": "ImageMRSERIES",
    "SeriesNumber": 9,
    "SliceEncodingDirection": "k",
    "SliceTiming": [
      0.0,
      0.0541,
      0.1081,
      0.1622,
      0.2162,
      0.2703,
      0.3243,
      0.3784,
      0.4324,
      0.4865,
      0.5405,
      0.5946,
      0.6486,
      0.7027,
      0.7568,
      0.8108,
      0.8649,
      0.9189,
      0.973,
      1.027,
      1.0811,
      1.1351,
      1.1892,
      1.2432,
      1.2973,
      1.3514,
      1.4054,
      1.4595,
      1.5135,
      1.5676,
      1.6216,
      1.6757,
      1.7297,
      1.7838,
      1.8378,
      1.8919,
      1.9459
    ],
    "TaskName": "workingmemory",
    "TotalReadoutTime": 0.025822520692561732,
    "UsePhilipsFloatNotDisplayScaling": 1,
    "acq_id": "seq",
    "dataset": "ds002785",
    "modality": "bold",
    "subject_id": "0002",
    "task_id": "workingmemory"
  },
  "dummy_trs": 0,
  "dvars_nstd": 21.20565410329193,
  "dvars_std": 1.2142908733540372,
  "dvars_vstd": 0.9574068277018634,
  "efc": 0.4443916014661292,
  "fber": 141404.078125,
  "fd_mean": 0.11058908959658413,
  "fd_num": 9,
  "fd_perc": 5.555555555555555,
  "fwhm_avg": 1.899587685465715,
  "fwhm_x": 1.8776433333333333,
  "fwhm_y": 2.01525,
  "fwhm_z": 1.8058697230638117,
  "gcor": 0.0212916,
  "gsr_x": -0.017646702006459236,
  "gsr_y": 0.014760653488337994,
  "provenance": {
    "md5sum": "7dfb3708646f7f22435009bb9d1f2ad6",
    "settings": {
      "fd_thres": 0.2,
      "testing": false
    },
    "software": "mriqc",
    "version": "22.0.0rc1",
    "webapi_port": null,
    "webapi_url": "https://mriqc.nimh.nih.gov/api/v1"
  },
  "size_t": 162,
  "size_x": 80,
  "size_y": 80,
  "size_z": 37,
  "snr": 5.1567643758915835,
  "spacing_tr": 2.0,
  "spacing_x": 3.0,
  "spacing_y": 3.0,
  "spacing_z": 3.299999952316284,
  "summary_bg_k": 64.39433333377744,
  "summary_bg_mad": 77.7512835923906,
  "summary_bg_mean": 558.1294555664062,
  "summary_bg_median": 64.02571105957031,
  "summary_bg_n": 154945.0,
  "summary_bg_p05": 3.3734042644500737,
  "summary_bg_p95": 2670.8857910156235,
  "summary_bg_stdv": 1701.69580078125,
  "summary_fg_k": 2.203149039480155,
  "summary_fg_mad": 4306.032818372208,
  "summary_fg_mean": 25104.669921875,
  "summary_fg_median": 24629.77734375,
  "summary_fg_n": 39692.0,
  "summary_fg_p05": 18361.87783203125,
  "summary_fg_p95": 33045.649609374996,
  "summary_fg_stdv": 4776.1474609375,
  "tsnr": 66.17208862304688
}