{
  "aor": 0.0008982499999999999,
  "aqi": 0.0038119797,
  "bids_meta": {
    "AcquisitionNumber": 10,
    "BidsifyVersion": "0.3.5",
    "ConversionSoftware": "dcm2niix",
    "ConversionSoftwareVersion": "v1.0.20181125  GCC6.3.0",
    "EchoTime": 0.02762,
    "EffectiveEchoSpacing": 0.0006621159151938905,
    "ImageComments": "Piop",
    "ImageOrientationPatientDICOM": [
      0.998719,
      0.0490363,
      -0.0124838,
      -0.0505929,
      0.963448,
      -0.263073
    ],
    "Manufacturer": "Philips",
    "NumberOfVolumesDiscardedByScanner": 2,
    "ParallelAcquisitionTechnique": "SENSE",
    "ParallelReductionFactorInPlane": 2,
    "PatientPosition": "HFS",
    "PhaseEncodingDirection": "j",
    "PhilipsRescaleIntercept": 0,
    "PhilipsRescaleSlope": 0.84762,
    "PhilipsScaleSlope": 0.0538269,
    "ProtocolName": "WIPpiopanticipatieSENSE",
    "PulseSequenceType": "gradient echo EPI",
    "ReconMatrixPE": 80,
    "RepetitionTime": 2,
    "SeriesDescription": "ImageMRSERIES",
    "SeriesNumber": 10,
    "SliceEncodingDirection": "k",
    "SliceTiming": [
      0.0,
      0.0541,
      0.1081,
      0.1622,
      0.2162,
      0.2703,
      0.3243,
      0.3784,
      0.4324,
      0.4865,
      0.5405,
      0.5946,
      0.6486,
      0.7027,
      0.7568,
      0.8108,
      0.8649,
      0.9189,
      0.973,
      1.027,
      1.0811,
      1.1351,
      1.1892,
      1.2432,
      1.2973,
      1.3514,
      1.4054,
      1.4595,
      1.5135,
      1.5676,
      1.6216,
      1.6757,
      1.7297,
      1.7838,
      1.8378,
      1.8919,
      1.9459
    ],
    "TaskName": "anticipation",
    "TotalReadoutTime": 0.025822520692561732,
    "UsePhilipsFloatNotDisplayScaling": 1,
    "acq_id": "seq",
    "dataset": "ds002785",
    "modality": "bold",
    "subject_id": "0002",
    "task_id": "anticipation"
  },
  "dummy_trs": 0,
  "dvars_nstd": 22.531083131105536,
  "dvars_std": 1.3304787303015078,
  "dvars_vstd": 1.0021304219597993,
  "efc": 0.443322509326281,
  "fber": 157483.90625,
  "fd_mean": 0.10872976095706786,
  "fd_num": 14,
  "fd_perc": 7.0,
  "fwhm_avg": 1.8481318266251054,
  "fwhm_x": 1.8247833333333334,
  "fwhm_y": 1.9666333333333332,
  "fwhm_z": 1.7529788132086497,
  "gcor": 0.0293795,
  "gsr_x": -0.017156967893242836,
  "gsr_y": 0.0134499566629529,
  "provenance": {
    "md5sum": "414f9c900a323a10aea0fea3dce3c3cd",
    "settings": {
      "fd_thres": 0.2,
      "testing": false
    },
    "software": "mriqc",
    "version": "22.0.0rc1",
    "webapi_port": null,
    "webapi_url": "https://mriqc.nimh.nih.gov/api/v1"
  },
  "size_t": 200,
  "size_x": 80,
  "size_y": 80,
  "size_z": 37,
  "snr": 5.338132141054427,
  "spacing_tr": 2.0,
  "spacing_x": 3.0,
  "spacing_y": 3.0,
  "spacing_z": 3.299999952316284,
  "summary_bg_k": 68.57412122160872,
  "summary_bg_mad": 66.99227829036296,
  "summary_bg_mean": 534.3864135742188,
  "summary_bg_median": 59.81798553466797,
  "summary_bg_n": 155051.0,
  "summary_bg_p05": 3.1401511430740356,
  "summary_bg_p95": 2567.13916015625,
  "summary_bg_stdv": 1662.75341796875,
  "summary_fg_k": 2.2305703178358973,
  "summary_fg_mad": 4077.0171069324206,
  "summary_fg_mean": 24803.0546875,
  "summary_fg_median": 24341.91796875,
  "summary_fg_n": 39712.0,
  "summary_fg_p05": 18328.0248046875,
  "summary_fg_p95": 32314.428027343747,
  "summary_fg_stdv": 4559.94921875,
  "tsnr": 86.50033569335938
}