{
  "aor": 0.0033377000000000003,
  "aqi": 0.006684978400000001,
  "bids_meta": {
    "AcquisitionNumber": 9,
    "BidsifyVersion": "0.3.5",
    "ConversionSoftware": "dcm2niix",
    "ConversionSoftwareVersion": "v1.0.20181125  GCC6.3.0",
    "EchoTime": 0.02762,
    "EffectiveEchoSpacing": 0.0006621159151938905,
    "ImageComments": "piop",
    "ImageOrientationPatientDICOM": [
      0.998748,
      0.0458887,
      -0.0199301,
      -0.0498953,
      0.942801,
      -0.329601
    ],
    "Manufacturer": "Philips",
    "NumberOfVolumesDiscardedByScanner": 2,
    "ParallelAcquisitionTechnique": "SENSE",
    "ParallelReductionFactorInPlane": 2,
    "PatientPosition": "HFS",
    "PhaseEncodingDirection": "j",
    "PhilipsRescaleIntercept": 0,
    "PhilipsRescaleSlope": 0.77021,
    "PhilipsScaleSlope": 0.0617319,
    "ProtocolName": "WIPpiopanticipatieSENSE",
    "PulseSequenceType": "gradient echo EPI",
    "ReconMatrixPE": 80,
    "RepetitionTime": 2,
    "SeriesDescription": "ImageMRSERIES",
    "SeriesNumber": 9,
    "SliceEncodingDirection": "k",
    "SliceTiming": [
      0.0,
      0.0541,
      0.1081,
      0.1622,
      0.2162,
      0.2703,
      0.3243,
      0.3784,
      0.4324,
      0.4865,
      0.5405,
      0.5946,
      0.6486,
      0.7027,
      0.7568,
      0.8108,
      0.8649,
      0.9189,
      0.973,
      1.027,
      1.0811,
      1.1351,
      1.1892,
      1.2432,
      1.2973,
      1.3514,
      1.4054,
      1.4595,
      1.5135,
      1.5676,
      1.6216,
      1.6757,
      1.7297,
      1.7838,
      1.8378,
      1.8919,
      1.9459
    ],
    "TaskName": "anticipation",
    "TotalReadoutTime": 0.025822520692561732,
    "UsePhilipsFloatNotDisplayScaling": 1,
    "acq_id": "seq",
    "dataset": "ds002785",
    "modality": "bold",
    "subject_id": "0174",
    "task_id": "anticipation"
  },
  "dummy_trs": 0,
  "dvars_nstd": 27.54472587839196,
  "dvars_std": 1.326900003718593,
  "dvars_vstd": 1.0099042531155784,
  "efc": 0.44844701620822314,
  "fber": 144212.9375,
  "fd_mean": 0.17733277144126694,
  "fd_num": 57,
  "fd_perc": 28.5,
  "fwhm_avg": 1.8089769781302003,
  "fwhm_x": 1.7971599999999999,
  "fwhm_y": 1.8788799999999999,
  "fwhm_z": 1.7508909343906018,
  "gcor": 0.0174102,
  "gsr_x": -0.014020668342709541,
  "gsr_y": 0.012271425686776638,
  "provenance": {
    "md5sum": "d37fa666721612f43cd4f05467a75e27",
    "settings": {
      "fd_thres": 0.2,
      "testing": false
    },
    "software": "mriqc",
    "version": "22.0.0rc1",
    "webapi_port": null,
    "webapi_url": "https://mriqc.nimh.nih.gov/api/v1"
  },
  "size_t": 200,
  "size_x": 80,
  "size_y": 80,
  "size_z": 37,
  "snr": 5.464993406185349,
  "spacing_tr": 2.0,
  "spacing_x": 3.0,
  "spacing_y": 3.0,
  "spacing_z": 3.299999952316284,
  "summary_bg_k": 31.357034745527386,
  "summary_bg_mad": 66.86294564539595,
  "summary_bg_mean": 762.2329711914062,
  "summary_bg_median": 62.707427978515625,
  "summary_bg_n": 157066.0,
  "summary_bg_p05": 5.913310170173645,
  "summary_bg_p95": 4349.79248046875,
  "summary_bg_stdv": 2070.205078125,
  "summary_fg_k": 1.5833451908669467,
  "summary_fg_mad": 4248.014423743344,
  "summary_fg_mean": 24819.70703125,
  "summary_fg_median": 24336.6875,
  "summary_fg_n": 37787.0,
  "summary_fg_p05": 18590.9298828125,
  "summary_fg_p95": 32411.503906249996,
  "summary_fg_stdv": 4453.13720703125,
  "tsnr": 64.93374633789062
}