{
  "aor": 0.00210141975308642,
  "aqi": 0.005114280802469136,
  "bids_meta": {
    "AcquisitionNumber": 8,
    "BidsifyVersion": "0.3.5",
    "ConversionSoftware": "dcm2niix",
    "ConversionSoftwareVersion": "v1.0.20181125  GCC6.3.0",
    "EchoTime": 0.02762,
    "EffectiveEchoSpacing": 0.0006621159151938905,
    "ImageComments": "piop",
    "ImageOrientationPatientDICOM": [
      0.998748,
      0.0458887,
      -0.0199301,
      -0.0498953,
      0.942801,
      -0.329601
    ],
    "Manufacturer": "Philips",
    "NumberOfVolumesDiscardedByScanner": 2,
    "ParallelAcquisitionTechnique": "SENSE",
    "ParallelReductionFactorInPlane": 2,
    "PatientPosition": "HFS",
    "PhaseEncodingDirection": "j",
    "PhilipsRescaleIntercept": 0,
    "PhilipsRescaleSlope": 0.80586,
    "PhilipsScaleSlope": 0.060723,
    "ProtocolName": "WIPpiopwmSENSE",
    "PulseSequenceType": "gradient echo EPI",
    "ReconMatrixPE": 80,
    "RepetitionTime": 2,
    "SeriesDescription": "ImageMRSERIES",
    "SeriesNumber": 8,
    "SliceEncodingDirection": "k",
    "SliceTiming": [
      0.0,
      0.0541,
      0.1081,
      0.1622,
      0.2162,
      0.2703,
      0.3243,
      0.3784,
      0.4324,
      0.4865,
      0.5405,
      0.5946,
      0.6486,
      0.7027,
      0.7568,
      0.8108,
      0.8649,
      0.9189,
      0.973,
      1.027,
      1.0811,
      1.1351,
      1.1892,
      1.2432,
      1.2973,
      1.3514,
      1.4054,
      1.4595,
      1.5135,
      1.5676,
      1.6216,
      1.6757,
      1.7297,
      1.7838,
      1.8378,
      1.8919,
      1.9459
    ],
    "TaskName": "workingmemory",
    "TotalReadoutTime": 0.025822520692561732,
    "UsePhilipsFloatNotDisplayScaling": 1,
    "acq_id": "seq",
    "dataset": "ds002785",
    "modality": "bold",
    "subject_id": "0174",
    "task_id": "workingmemory"
  },
  "dummy_trs": 0,
  "dvars_nstd": 23.153303904409928,
  "dvars_std": 1.2689252353416145,
  "dvars_vstd": 1.0158417494409935,
  "efc": 0.44900560367514875,
  "fber": 136448.234375,
  "fd_mean": 0.15938843487913032,
  "fd_num": 35,
  "fd_perc": 21.604938271604937,
  "fwhm_avg": 1.789297382011761,
  "fwhm_x": 1.77903,
  "fwhm_y": 1.87095,
  "fwhm_z": 1.717912146035283,
  "gcor": 0.0126826,
  "gsr_x": -0.014120234176516533,
  "gsr_y": 0.012074041180312634,
  "provenance": {
    "md5sum": "7cee9eeb003159c556f625314ba5aa85",
    "settings": {
      "fd_thres": 0.2,
      "testing": false
    },
    "software": "mriqc",
    "version": "22.0.0rc1",
    "webapi_port": null,
    "webapi_url": "https://mriqc.nimh.nih.gov/api/v1"
  },
  "size_t": 162,
  "size_x": 80,
  "size_y": 80,
  "size_z": 37,
  "snr": 5.483138743178611,
  "spacing_tr": 2.0,
  "spacing_x": 3.0,
  "spacing_y": 3.0,
  "spacing_z": 3.299999952316284,
  "summary_bg_k": 30.88216348772837,
  "summary_bg_mad": 73.0413213862659,
  "summary_bg_mean": 771.6676025390625,
  "summary_bg_median": 65.01532745361328,
  "summary_bg_n": 157000.0,
  "summary_bg_p05": 5.0169170856475835,
  "summary_bg_p95": 4373.36623535156,
  "summary_bg_stdv": 2092.95751953125,
  "summary_fg_k": 1.5625434651805392,
  "summary_fg_mad": 4273.285262729473,
  "summary_fg_mean": 25028.40625,
  "summary_fg_median": 24578.53125,
  "summary_fg_n": 37889.0,
  "summary_fg_p05": 18753.48984375,
  "summary_fg_p95": 32650.824609375,
  "summary_fg_stdv": 4482.5068359375,
  "tsnr": 71.97929382324219
}