{
  "aor": 0.0046363703703703706,
  "aqi": 0.00409981362962963,
  "bids_meta": {
    "AcquisitionNumber": 5,
    "BidsifyVersion": "0.3.5",
    "ConversionSoftware": "dcm2niix",
    "ConversionSoftwareVersion": "v1.0.20181125  GCC6.3.0",
    "EchoTime": 0.02762,
    "EffectiveEchoSpacing": 0.0006621159151938905,
    "ImageComments": "piop",
    "ImageOrientationPatientDICOM": [
      0.998748,
      0.0458887,
      -0.0199301,
      -0.0498953,
      0.942801,
      -0.329601
    ],
    "Manufacturer": "Philips",
    "NumberOfVolumesDiscardedByScanner": 2,
    "ParallelAcquisitionTechnique": "SENSE",
    "ParallelReductionFactorInPlane": 2,
    "PatientPosition": "HFS",
    "PhaseEncodingDirection": "j",
    "PhilipsRescaleIntercept": 0,
    "PhilipsRescaleSlope": 0.8083,
    "PhilipsScaleSlope": 0.0592693,
    "ProtocolName": "WIPpiopharririSENSE",
    "PulseSequenceType": "gradient echo EPI",
    "ReconMatrixPE": 80,
    "RepetitionTime": 2,
    "SeriesDescription": "ImageMRSERIES",
    "SeriesNumber": 5,
    "SliceEncodingDirection": "k",
    "SliceTiming": [
      0.0,
      0.0541,
      0.1081,
      0.1622,
      0.2162,
      0.2703,
      0.3243,
      0.3784,
      0.4324,
      0.4865,
      0.5405,
      0.5946,
      0.6486,
      0.7027,
      0.7568,
      0.8108,
      0.8649,
      0.9189,
      0.973,
      1.027,
      1.0811,
      1.1351,
      1.1892,
      1.2432,
      1.2973,
      1.3514,
      1.4054,
      1.4595,
      1.5135,
      1.5676,
      1.6216,
      1.6757,
      1.7297,
      1.7838,
      1.8378,
      1.8919,
      1.9459
    ],
    "TaskName": "emomatching",
    "TotalReadoutTime": 0.025822520692561732,
    "UsePhilipsFloatNotDisplayScaling": 1,
    "acq_id": "seq",
    "dataset": "ds002785",
    "modality": "bold",
    "subject_id": "0174",
    "task_id": "emomatching"
  },
  "dummy_trs": 0,
  "dvars_nstd": 23.436262201641792,
  "dvars_std": 1.3126660526119405,
  "dvars_vstd": 1.0434551691044778,
  "efc": 0.4472613253200168,
  "fber": 148583.6875,
  "fd_mean": 0.15799775383656217,
  "fd_num": 20,
  "fd_perc": 14.814814814814815,
  "fwhm_avg": 1.814165058846242,
  "fwhm_x": 1.8078200000000002,
  "fwhm_y": 1.9028933333333333,
  "fwhm_z": 1.731781843205392,
  "gcor": 0.007433,
  "gsr_x": -0.014415238052606583,
  "gsr_y": 0.01218032743781805,
  "provenance": {
    "md5sum": "a6bf81183564a96903b44b2d22182076",
    "settings": {
      "fd_thres": 0.2,
      "testing": false
    },
    "software": "mriqc",
    "version": "22.0.0rc1",
    "webapi_port": null,
    "webapi_url": "https://mriqc.nimh.nih.gov/api/v1"
  },
  "size_t": 135,
  "size_x": 80,
  "size_y": 80,
  "size_z": 37,
  "snr": 5.34951223429663,
  "spacing_tr": 2.0,
  "spacing_x": 3.0,
  "spacing_y": 3.0,
  "spacing_z": 3.299999952316284,
  "summary_bg_k": 30.82479015826221,
  "summary_bg_mad": 68.24209984609956,
  "summary_bg_mean": 761.4470825195312,
  "summary_bg_median": 63.051055908203125,
  "summary_bg_n": 157095.0,
  "summary_bg_p05": 5.21704511642456,
  "summary_bg_p95": 4328.200390624991,
  "summary_bg_stdv": 2088.123779296875,
  "summary_fg_k": 1.5107734697688304,
  "summary_fg_mad": 4406.6282476100505,
  "summary_fg_mean": 25322.732421875,
  "summary_fg_median": 24822.48828125,
  "summary_fg_n": 37798.0,
  "summary_fg_p05": 18795.1904296875,
  "summary_fg_p95": 33301.4849609375,
  "summary_fg_stdv": 4640.0791015625,
  "tsnr": 79.0857925415039
}