{
  "aor": 0.0006197272727272728,
  "aqi": 0.00857632496969697,
  "bids_meta": {
    "AcquisitionNumber": 2,
    "BidsifyVersion": "0.3.5",
    "ConversionSoftware": "dcm2niix",
    "ConversionSoftwareVersion": "v1.0.20181125  GCC6.3.0",
    "EchoTime": 0.02762,
    "EffectiveEchoSpacing": 0.0006333282667071997,
    "ImageComments": "piop",
    "ImageOrientationPatientDICOM": [
      0.998748,
      0.0458887,
      -0.0199301,
      -0.0498953,
      0.942801,
      -0.329601
    ],
    "Manufacturer": "Philips",
    "NumberOfVolumesDiscardedByScanner": 2,
    "ParallelAcquisitionTechnique": "SENSE",
    "ParallelReductionFactorInPlane": 2,
    "PatientPosition": "HFS",
    "PhaseEncodingDirection": "j",
    "PhilipsRescaleIntercept": 0,
    "PhilipsRescaleSlope": 0.9072,
    "PhilipsScaleSlope": 0.0810617,
    "ProtocolName": "WIPpiopfacesSENSE",
    "PulseSequenceType": "gradient echo EPI",
    "ReconMatrixPE": 80,
    "RepetitionTime": 0.75,
    "SeriesDescription": "ImageMRSERIES",
    "SeriesNumber": 2,
    "SliceEncodingDirection": "k",
    "SliceTiming": [
      0.0,
      0.06755050505050506,
      0.1351010101010101,
      0.20265151515151517,
      0.2702020202020202,
      0.3377525252525253,
      0.40530303030303033,
      0.47285353535353536,
      0.5404040404040404,
      0.6079545454545455,
      0.6755050505050506,
      0.7430555555555556,
      0.0,
      0.06755050505050506,
      0.1351010101010101,
      0.20265151515151517,
      0.2702020202020202,
      0.3377525252525253,
      0.40530303030303033,
      0.47285353535353536,
      0.5404040404040404,
      0.6079545454545455,
      0.6755050505050506,
      0.7430555555555556,
      0.0,
      0.06755050505050506,
      0.1351010101010101,
      0.20265151515151517,
      0.2702020202020202,
      0.3377525252525253,
      0.40530303030303033,
      0.47285353535353536,
      0.5404040404040404,
      0.6079545454545455,
      0.6755050505050506,
      0.7430555555555556
    ],
    "TaskName": "faces",
    "TotalReadoutTime": 0.024699802401580786,
    "UsePhilipsFloatNotDisplayScaling": 1,
    "acq_id": "mb3",
    "dataset": "ds002785",
    "modality": "bold",
    "subject_id": "0174",
    "task_id": "faces"
  },
  "dummy_trs": 0,
  "dvars_nstd": 25.48954465109421,
  "dvars_std": 1.1423347523404257,
  "dvars_vstd": 1.0039816142857143,
  "efc": 0.45432192267098126,
  "fber": 135482.046875,
  "fd_mean": 0.10599266379048237,
  "fd_num": 14,
  "fd_perc": 4.242424242424242,
  "fwhm_avg": 2.0035474270192237,
  "fwhm_x": 2.0247766666666664,
  "fwhm_y": 2.1421533333333334,
  "fwhm_z": 1.8437122810576712,
  "gcor": 0.0235357,
  "gsr_x": -0.015032174065709114,
  "gsr_y": 0.010448869317770004,
  "provenance": {
    "md5sum": "d41e3c419be1231ca4a134fc42fd5a0a",
    "settings": {
      "fd_thres": 0.2,
      "testing": false
    },
    "software": "mriqc",
    "version": "22.0.0rc1",
    "webapi_port": null,
    "webapi_url": "https://mriqc.nimh.nih.gov/api/v1"
  },
  "size_t": 330,
  "size_x": 80,
  "size_y": 80,
  "size_z": 36,
  "snr": 7.12542585978994,
  "spacing_tr": 0.75,
  "spacing_x": 3.0,
  "spacing_y": 3.0,
  "spacing_z": 3.299999713897705,
  "summary_bg_k": 27.343322872186878,
  "summary_bg_mad": 58.99217170119942,
  "summary_bg_mean": 570.5723876953125,
  "summary_bg_median": 50.849334716796875,
  "summary_bg_n": 152336.0,
  "summary_bg_p05": 3.342895030975342,
  "summary_bg_p95": 3090.3329467773438,
  "summary_bg_stdv": 1478.42919921875,
  "summary_fg_k": 0.9379285083743754,
  "summary_fg_mad": 2514.015570854928,
  "summary_fg_mean": 19003.279296875,
  "summary_fg_median": 18873.908203125,
  "summary_fg_n": 36930.0,
  "summary_fg_p05": 14928.620458984375,
  "summary_fg_p95": 23462.276953124998,
  "summary_fg_stdv": 2648.775390625,
  "tsnr": 58.32374572753906
}