{
  "aor": 0.00033423157894736845,
  "aqi": 0.010358650336842105,
  "bids_meta": {
    "AcquisitionNumber": 6,
    "BidsifyVersion": "0.3.5",
    "ConversionSoftware": "dcm2niix",
    "ConversionSoftwareVersion": "v1.0.20181125  GCC6.3.0",
    "EchoTime": 0.02762,
    "EffectiveEchoSpacing": 0.0006333282667071997,
    "ImageComments": "piop",
    "ImageOrientationPatientDICOM": [
      0.998748,
      0.0458887,
      -0.0199301,
      -0.0498953,
      0.942801,
      -0.329601
    ],
    "Manufacturer": "Philips",
    "NumberOfVolumesDiscardedByScanner": 2,
    "ParallelAcquisitionTechnique": "SENSE",
    "ParallelReductionFactorInPlane": 2,
    "PatientPosition": "HFS",
    "PhaseEncodingDirection": "j",
    "PhilipsRescaleIntercept": 0,
    "PhilipsRescaleSlope": 0.92259,
    "PhilipsScaleSlope": 0.0774938,
    "ProtocolName": "WIPpioprsSENSE",
    "PulseSequenceType": "gradient echo EPI",
    "ReconMatrixPE": 80,
    "RepetitionTime": 0.75,
    "SeriesDescription": "ImageMRSERIES",
    "SeriesNumber": 6,
    "SliceEncodingDirection": "k",
    "SliceTiming": [
      0.0,
      0.06755050505050506,
      0.1351010101010101,
      0.20265151515151517,
      0.2702020202020202,
      0.3377525252525253,
      0.40530303030303033,
      0.47285353535353536,
      0.5404040404040404,
      0.6079545454545455,
      0.6755050505050506,
      0.7430555555555556,
      0.0,
      0.06755050505050506,
      0.1351010101010101,
      0.20265151515151517,
      0.2702020202020202,
      0.3377525252525253,
      0.40530303030303033,
      0.47285353535353536,
      0.5404040404040404,
      0.6079545454545455,
      0.6755050505050506,
      0.7430555555555556,
      0.0,
      0.06755050505050506,
      0.1351010101010101,
      0.20265151515151517,
      0.2702020202020202,
      0.3377525252525253,
      0.40530303030303033,
      0.47285353535353536,
      0.5404040404040404,
      0.6079545454545455,
      0.6755050505050506,
      0.7430555555555556
    ],
    "TaskName": "restingstate",
    "TotalReadoutTime": 0.024699802401580786,
    "UsePhilipsFloatNotDisplayScaling": 1,
    "acq_id": "mb3",
    "dataset": "ds002785",
    "modality": "bold",
    "subject_id": "0174",
    "task_id": "restingstate"
  },
  "dummy_trs": 5,
  "dvars_nstd": 26.500732148354434,
  "dvars_std": 1.0745520356118143,
  "dvars_vstd": 1.003818063396624,
  "efc": 0.45440513134657495,
  "fber": 140201.015625,
  "fd_mean": 0.10882420700795428,
  "fd_num": 21,
  "fd_perc": 4.421052631578948,
  "fwhm_avg": 1.7615195030387814,
  "fwhm_x": 1.74224,
  "fwhm_y": 1.8628366666666667,
  "fwhm_z": 1.6794818424496774,
  "gcor": 0.0112466,
  "gsr_x": -0.014968515373766422,
  "gsr_y": 0.011281246319413185,
  "provenance": {
    "md5sum": "dd736e97966f2621d8b11b4278ce8c00",
    "settings": {
      "fd_thres": 0.2,
      "testing": false
    },
    "software": "mriqc",
    "version": "22.0.0rc1",
    "webapi_port": null,
    "webapi_url": "https://mriqc.nimh.nih.gov/api/v1"
  },
  "size_t": 475,
  "size_x": 80,
  "size_y": 80,
  "size_z": 36,
  "snr": 7.1236851298622,
  "spacing_tr": 0.75,
  "spacing_x": 3.0,
  "spacing_y": 3.0,
  "spacing_z": 3.299999952316284,
  "summary_bg_k": 27.457996473839096,
  "summary_bg_mad": 53.89807721651657,
  "summary_bg_mean": 577.6697387695312,
  "summary_bg_median": 47.57853698730469,
  "summary_bg_n": 152425.0,
  "summary_bg_p05": 2.7367782115936286,
  "summary_bg_p95": 3213.6656249999987,
  "summary_bg_stdv": 1532.1219482421875,
  "summary_fg_k": 1.565222002601307,
  "summary_fg_mad": 2407.977659449739,
  "summary_fg_mean": 18287.28515625,
  "summary_fg_median": 18182.1953125,
  "summary_fg_n": 36889.0,
  "summary_fg_p05": 14434.0513671875,
  "summary_fg_p95": 22491.523437499996,
  "summary_fg_stdv": 2552.323486328125,
  "tsnr": 52.63266372680664
}