{
  "bids_meta": {
    "AcquisitionNumber": 4,
    "BidsifyVersion": "0.3.5",
    "ConversionSoftware": "dcm2niix",
    "ConversionSoftwareVersion": "v1.0.20181125  GCC6.3.0",
    "EchoTime": 0.00378,
    "ImageComments": "PIOP",
    "ImageOrientationPatientDICOM": [
      0.999186,
      0.0343678,
      0.0211218,
      -0.032099,
      0.994499,
      -0.099702
    ],
    "Manufacturer": "Philips",
    "PatientPosition": "HFS",
    "PhilipsRescaleIntercept": 0,
    "PhilipsRescaleSlope": 8.73114,
    "PhilipsScaleSlope": 0.00769647,
    "ProtocolName": "WIPt13dSENSE",
    "ReconMatrixPE": 240,
    "RepetitionTime": 0.008225,
    "SeriesDescription": "ImageMRSERIES",
    "SeriesNumber": 4,
    "UsePhilipsFloatNotDisplayScaling": 1,
    "dataset": "ds002785",
    "modality": "T1w",
    "subject_id": "0129"
  },
  "cjv": 0.32408736982691555,
  "cnr": 3.91868102144506,
  "efc": 0.7599803863680586,
  "fber": 1496.8699951171875,
  "fwhm_avg": 3.537786666666667,
  "fwhm_x": 3.44418,
  "fwhm_y": 3.77103,
  "fwhm_z": 3.39815,
  "icvs_csf": 0.2035446695948756,
  "icvs_gm": 0.43224155724292596,
  "icvs_wm": 0.36421377316219844,
  "inu_med": 1.5775723457336426,
  "inu_range": 0.4162416279315948,
  "provenance": {
    "md5sum": "11c3391bf7dfeef23d09187c4540cfb2",
    "settings": {
      "testing": false
    },
    "software": "mriqc",
    "version": "22.0.0rc1",
    "warnings": {
      "large_rot_frame": true,
      "small_air_mask": true
    },
    "webapi_port": null,
    "webapi_url": "https://mriqc.nimh.nih.gov/api/v1"
  },
  "qi_1": 0.0,
  "qi_2": 0.00014122833438159506,
  "rpve_csf": 30.04678110972479,
  "rpve_gm": 15.390068216249079,
  "rpve_wm": 23.03626339891018,
  "size_x": 240,
  "size_y": 240,
  "size_z": 220,
  "snr_csf": 2.2431831851797774,
  "snr_gm": 7.607611271019052,
  "snr_total": 10.436372663869262,
  "snr_wm": 21.458323535408958,
  "snrd_csf": 21.17827709169208,
  "snrd_gm": 44.469914492463765,
  "snrd_total": 45.57773411742824,
  "snrd_wm": 71.0850107681289,
  "spacing_x": 1.0,
  "spacing_y": 1.0,
  "spacing_z": 1.0,
  "summary_bg_k": 156.40866876665677,
  "summary_bg_mad": 9.216086684864031,
  "summary_bg_mean": 14.434647560119629,
  "summary_bg_median": 12.400254249572754,
  "summary_bg_n": 139991.0,
  "summary_bg_p05": 0.0,
  "summary_bg_p95": 37.01091384887695,
  "summary_bg_stdv": 13.98024845123291,
  "summary_csf_k": -1.1664063360689254,
  "summary_csf_mad": 169.97541486217426,
  "summary_csf_mean": 281.12939453125,
  "summary_csf_median": 297.9239807128906,
  "summary_csf_n": 6276.0,
  "summary_csf_p05": 79.16543006896973,
  "summary_csf_p95": 470.04441833496094,
  "summary_csf_stdv": 132.80245971679688,
  "summary_gm_k": 0.22722656559089138,
  "summary_gm_mad": 78.96657581617785,
  "summary_gm_mean": 629.5215454101562,
  "summary_gm_median": 625.5775146484375,
  "summary_gm_n": 21029.0,
  "summary_gm_p05": 501.96331176757815,
  "summary_gm_p95": 771.9103149414062,
  "summary_gm_stdv": 82.22852325439453,
  "summary_wm_k": 1.006992929550937,
  "summary_wm_mad": 42.373701650910995,
  "summary_wm_mean": 998.4518432617188,
  "summary_wm_median": 999.9835815429688,
  "summary_wm_n": 177455.0,
  "summary_wm_p05": 919.6813598632813,
  "summary_wm_p95": 1071.38330078125,
  "summary_wm_stdv": 46.60106658935547,
  "tpm_overlap_csf": 0.18357650935649872,
  "tpm_overlap_gm": 0.4522530734539032,
  "tpm_overlap_wm": 0.5047733187675476,
  "wm2max": 0.7301252186115477
}