{
  "aor": 0.003325246913580247,
  "aqi": 0.004600361543209877,
  "bids_meta": {
    "AcquisitionNumber": 8,
    "BidsifyVersion": "0.3.5",
    "ConversionSoftware": "dcm2niix",
    "ConversionSoftwareVersion": "v1.0.20181125  GCC6.3.0",
    "EchoTime": 0.02762,
    "EffectiveEchoSpacing": 0.0006621159151938905,
    "ImageComments": "piop",
    "ImageOrientationPatientDICOM": [
      0.998913,
      0.0270555,
      -0.0379607,
      -0.040819,
      0.900951,
      -0.431998
    ],
    "Manufacturer": "Philips",
    "NumberOfVolumesDiscardedByScanner": 2,
    "ParallelAcquisitionTechnique": "SENSE",
    "ParallelReductionFactorInPlane": 2,
    "PatientPosition": "HFS",
    "PhaseEncodingDirection": "j",
    "PhilipsRescaleIntercept": 0,
    "PhilipsRescaleSlope": 0.77167,
    "PhilipsScaleSlope": 0.0631403,
    "ProtocolName": "WIPpiopwmSENSE",
    "PulseSequenceType": "gradient echo EPI",
    "ReconMatrixPE": 80,
    "RepetitionTime": 2,
    "SeriesDescription": "ImageMRSERIES",
    "SeriesNumber": 8,
    "SliceEncodingDirection": "k",
    "SliceTiming": [
      0.0,
      0.0541,
      0.1081,
      0.1622,
      0.2162,
      0.2703,
      0.3243,
      0.3784,
      0.4324,
      0.4865,
      0.5405,
      0.5946,
      0.6486,
      0.7027,
      0.7568,
      0.8108,
      0.8649,
      0.9189,
      0.973,
      1.027,
      1.0811,
      1.1351,
      1.1892,
      1.2432,
      1.2973,
      1.3514,
      1.4054,
      1.4595,
      1.5135,
      1.5676,
      1.6216,
      1.6757,
      1.7297,
      1.7838,
      1.8378,
      1.8919,
      1.9459
    ],
    "TaskName": "workingmemory",
    "TotalReadoutTime": 0.025822520692561732,
    "UsePhilipsFloatNotDisplayScaling": 1,
    "acq_id": "seq",
    "dataset": "ds002785",
    "modality": "bold",
    "subject_id": "0104",
    "task_id": "workingmemory"
  },
  "dummy_trs": 0,
  "dvars_nstd": 20.220859172111798,
  "dvars_std": 1.3228725016770193,
  "dvars_vstd": 1.0537983365838504,
  "efc": 0.3885338683231878,
  "fber": 173712.03125,
  "fd_mean": 0.11834995297070368,
  "fd_num": 13,
  "fd_perc": 8.024691358024691,
  "fwhm_avg": 1.7134266746022326,
  "fwhm_x": 1.6927533333333333,
  "fwhm_y": 1.7999599999999998,
  "fwhm_z": 1.6475666904733641,
  "gcor": 0.0110864,
  "gsr_x": -0.017933303490281105,
  "gsr_y": 0.00869438424706459,
  "provenance": {
    "md5sum": "e2b2212c719c74c9ce54d58ab886ce84",
    "settings": {
      "fd_thres": 0.2,
      "testing": false
    },
    "software": "mriqc",
    "version": "22.0.0rc1",
    "webapi_port": null,
    "webapi_url": "https://mriqc.nimh.nih.gov/api/v1"
  },
  "size_t": 162,
  "size_x": 80,
  "size_y": 80,
  "size_z": 37,
  "snr": 6.204135144887821,
  "spacing_tr": 2.0,
  "spacing_x": 3.0,
  "spacing_y": 3.0,
  "spacing_z": 3.299999952316284,
  "summary_bg_k": 73.6193690640964,
  "summary_bg_mad": 55.55008963267352,
  "summary_bg_mean": 430.5266418457031,
  "summary_bg_median": 54.65913772583008,
  "summary_bg_n": 167252.0,
  "summary_bg_p05": 2.4217867136001594,
  "summary_bg_p95": 2099.4665039062493,
  "summary_bg_stdv": 1431.159423828125,
  "summary_fg_k": 1.6193735821384063,
  "summary_fg_mad": 3533.440694328056,
  "summary_fg_mean": 23650.591796875,
  "summary_fg_median": 23295.47265625,
  "summary_fg_n": 29172.0,
  "summary_fg_p05": 18211.73896484375,
  "summary_fg_p95": 29853.707617187498,
  "summary_fg_stdv": 3754.765625,
  "tsnr": 83.9259033203125
}