{
  "aor": 0.0003473636363636364,
  "aqi": 0.008812327939393938,
  "bids_meta": {
    "AcquisitionNumber": 2,
    "BidsifyVersion": "0.3.5",
    "ConversionSoftware": "dcm2niix",
    "ConversionSoftwareVersion": "v1.0.20181125  GCC6.3.0",
    "EchoTime": 0.02762,
    "EffectiveEchoSpacing": 0.0006333282667071997,
    "ImageComments": "piop",
    "ImageOrientationPatientDICOM": [
      0.998913,
      0.0270555,
      -0.0379607,
      -0.040819,
      0.900951,
      -0.431998
    ],
    "Manufacturer": "Philips",
    "NumberOfVolumesDiscardedByScanner": 2,
    "ParallelAcquisitionTechnique": "SENSE",
    "ParallelReductionFactorInPlane": 2,
    "PatientPosition": "HFS",
    "PhaseEncodingDirection": "j",
    "PhilipsRescaleIntercept": 0,
    "PhilipsRescaleSlope": 0.79219,
    "PhilipsScaleSlope": 0.101262,
    "ProtocolName": "WIPpiopfacesSENSE",
    "PulseSequenceType": "gradient echo EPI",
    "ReconMatrixPE": 80,
    "RepetitionTime": 0.75,
    "SeriesDescription": "ImageMRSERIES",
    "SeriesNumber": 2,
    "SliceEncodingDirection": "k",
    "SliceTiming": [
      0.0,
      0.06755050505050506,
      0.1351010101010101,
      0.20265151515151517,
      0.2702020202020202,
      0.3377525252525253,
      0.40530303030303033,
      0.47285353535353536,
      0.5404040404040404,
      0.6079545454545455,
      0.6755050505050506,
      0.7430555555555556,
      0.0,
      0.06755050505050506,
      0.1351010101010101,
      0.20265151515151517,
      0.2702020202020202,
      0.3377525252525253,
      0.40530303030303033,
      0.47285353535353536,
      0.5404040404040404,
      0.6079545454545455,
      0.6755050505050506,
      0.7430555555555556,
      0.0,
      0.06755050505050506,
      0.1351010101010101,
      0.20265151515151517,
      0.2702020202020202,
      0.3377525252525253,
      0.40530303030303033,
      0.47285353535353536,
      0.5404040404040404,
      0.6079545454545455,
      0.6755050505050506,
      0.7430555555555556
    ],
    "TaskName": "faces",
    "TotalReadoutTime": 0.024699802401580786,
    "UsePhilipsFloatNotDisplayScaling": 1,
    "acq_id": "mb3",
    "dataset": "ds002785",
    "modality": "bold",
    "subject_id": "0104",
    "task_id": "faces"
  },
  "dummy_trs": 0,
  "dvars_nstd": 25.804752807872337,
  "dvars_std": 1.1310229404559267,
  "dvars_vstd": 1.002623621033434,
  "efc": 0.3929633509792591,
  "fber": 194499.875,
  "fd_mean": 0.093981828497108,
  "fd_num": 7,
  "fd_perc": 2.121212121212121,
  "fwhm_avg": 1.7363811191868381,
  "fwhm_x": 1.7197166666666668,
  "fwhm_y": 1.81276,
  "fwhm_z": 1.676666690893848,
  "gcor": 0.0260058,
  "gsr_x": -0.019378190860152245,
  "gsr_y": 0.0074103642255067825,
  "provenance": {
    "md5sum": "ed3a95eaaf1f5eb34a976fad40543af7",
    "settings": {
      "fd_thres": 0.2,
      "testing": false
    },
    "software": "mriqc",
    "version": "22.0.0rc1",
    "webapi_port": null,
    "webapi_url": "https://mriqc.nimh.nih.gov/api/v1"
  },
  "size_t": 330,
  "size_x": 80,
  "size_y": 80,
  "size_z": 36,
  "snr": 7.341895655133013,
  "spacing_tr": 0.75,
  "spacing_x": 3.0,
  "spacing_y": 3.0,
  "spacing_z": 3.299999952316284,
  "summary_bg_k": 63.495020359290564,
  "summary_bg_mad": 40.89337160129457,
  "summary_bg_mean": 310.7301330566406,
  "summary_bg_median": 37.553955078125,
  "summary_bg_n": 162051.0,
  "summary_bg_p05": 1.2474596500396729,
  "summary_bg_p95": 1472.3742065429688,
  "summary_bg_stdv": 1005.2012939453125,
  "summary_fg_k": 1.6051783280326477,
  "summary_fg_mad": 2133.3762733520916,
  "summary_fg_mean": 17019.953125,
  "summary_fg_median": 16962.888671875,
  "summary_fg_n": 28697.0,
  "summary_fg_p05": 13400.028125,
  "summary_fg_p95": 20782.977343749997,
  "summary_fg_stdv": 2310.38330078125,
  "tsnr": 57.74087905883789
}