{
  "aor": 0.0003399372384937239,
  "aqi": 0.009235206945606695,
  "bids_meta": {
    "AcquisitionNumber": 6,
    "BidsifyVersion": "0.3.5",
    "ConversionSoftware": "dcm2niix",
    "ConversionSoftwareVersion": "v1.0.20181125  GCC6.3.0",
    "EchoTime": 0.02762,
    "EffectiveEchoSpacing": 0.0006333282667071997,
    "ImageComments": "piop",
    "ImageOrientationPatientDICOM": [
      0.998913,
      0.0270555,
      -0.0379607,
      -0.040819,
      0.900951,
      -0.431998
    ],
    "Manufacturer": "Philips",
    "NumberOfVolumesDiscardedByScanner": 2,
    "ParallelAcquisitionTechnique": "SENSE",
    "ParallelReductionFactorInPlane": 2,
    "PatientPosition": "HFS",
    "PhaseEncodingDirection": "j",
    "PhilipsRescaleIntercept": 0,
    "PhilipsRescaleSlope": 0.86227,
    "PhilipsScaleSlope": 0.0935914,
    "ProtocolName": "WIPpioprsSENSE",
    "PulseSequenceType": "gradient echo EPI",
    "ReconMatrixPE": 80,
    "RepetitionTime": 0.75,
    "SeriesDescription": "ImageMRSERIES",
    "SeriesNumber": 6,
    "SliceEncodingDirection": "k",
    "SliceTiming": [
      0.0,
      0.06755050505050506,
      0.1351010101010101,
      0.20265151515151517,
      0.2702020202020202,
      0.3377525252525253,
      0.40530303030303033,
      0.47285353535353536,
      0.5404040404040404,
      0.6079545454545455,
      0.6755050505050506,
      0.7430555555555556,
      0.0,
      0.06755050505050506,
      0.1351010101010101,
      0.20265151515151517,
      0.2702020202020202,
      0.3377525252525253,
      0.40530303030303033,
      0.47285353535353536,
      0.5404040404040404,
      0.6079545454545455,
      0.6755050505050506,
      0.7430555555555556,
      0.0,
      0.06755050505050506,
      0.1351010101010101,
      0.20265151515151517,
      0.2702020202020202,
      0.3377525252525253,
      0.40530303030303033,
      0.47285353535353536,
      0.5404040404040404,
      0.6079545454545455,
      0.6755050505050506,
      0.7430555555555556
    ],
    "TaskName": "restingstate",
    "TotalReadoutTime": 0.024699802401580786,
    "UsePhilipsFloatNotDisplayScaling": 1,
    "acq_id": "mb3",
    "dataset": "ds002785",
    "modality": "bold",
    "subject_id": "0104",
    "task_id": "restingstate"
  },
  "dummy_trs": 2,
  "dvars_nstd": 25.88370823427673,
  "dvars_std": 1.1353529778825988,
  "dvars_vstd": 1.0066639911949689,
  "efc": 0.3935435049332497,
  "fber": 197320.375,
  "fd_mean": 0.08993001327753608,
  "fd_num": 10,
  "fd_perc": 2.092050209205021,
  "fwhm_avg": 1.714310917052674,
  "fwhm_x": 1.7008166666666666,
  "fwhm_y": 1.78911,
  "fwhm_z": 1.6530060844913554,
  "gcor": 0.0225675,
  "gsr_x": -0.01930399239063263,
  "gsr_y": 0.007383487652987242,
  "provenance": {
    "md5sum": "36118da2023d45ade6780cf4949c3fe8",
    "settings": {
      "fd_thres": 0.2,
      "testing": false
    },
    "software": "mriqc",
    "version": "22.0.0rc1",
    "webapi_port": null,
    "webapi_url": "https://mriqc.nimh.nih.gov/api/v1"
  },
  "size_t": 478,
  "size_x": 80,
  "size_y": 80,
  "size_z": 36,
  "snr": 7.590479799223194,
  "spacing_tr": 0.75,
  "spacing_x": 3.0,
  "spacing_y": 3.0,
  "spacing_z": 3.299999952316284,
  "summary_bg_k": 63.42368060173955,
  "summary_bg_mad": 40.8504181360274,
  "summary_bg_mean": 311.4055480957031,
  "summary_bg_median": 37.13130187988281,
  "summary_bg_n": 162010.0,
  "summary_bg_p05": 1.0398409962654116,
  "summary_bg_p95": 1498.856402587889,
  "summary_bg_stdv": 1004.7783813476562,
  "summary_fg_k": 2.1416606110273477,
  "summary_fg_mad": 2008.4786192728266,
  "summary_fg_mean": 16884.578125,
  "summary_fg_median": 16848.4453125,
  "summary_fg_n": 28736.0,
  "summary_fg_p05": 13411.615966796875,
  "summary_fg_p95": 20443.4189453125,
  "summary_fg_stdv": 2219.642578125,
  "tsnr": 58.631832122802734
}