{
  "aor": 0.0021754285714285716,
  "aqi": 0.005346867959183674,
  "bids_meta": {
    "AcquisitionNumber": 3,
    "BidsifyVersion": "0.3.5",
    "ConversionSoftware": "dcm2niix",
    "ConversionSoftwareVersion": "v1.0.20181125  GCC6.3.0",
    "EchoTime": 0.02762,
    "EffectiveEchoSpacing": 0.0006621159151938905,
    "ImageComments": "piop",
    "ImageOrientationPatientDICOM": [
      0.998913,
      0.0270555,
      -0.0379607,
      -0.040819,
      0.900951,
      -0.431998
    ],
    "Manufacturer": "Philips",
    "NumberOfVolumesDiscardedByScanner": 2,
    "ParallelAcquisitionTechnique": "SENSE",
    "ParallelReductionFactorInPlane": 2,
    "PatientPosition": "HFS",
    "PhaseEncodingDirection": "j",
    "PhilipsRescaleIntercept": 0,
    "PhilipsRescaleSlope": 0.78217,
    "PhilipsScaleSlope": 0.0631719,
    "ProtocolName": "WIPpiopgstroopSENSE",
    "PulseSequenceType": "gradient echo EPI",
    "ReconMatrixPE": 80,
    "RepetitionTime": 2,
    "SeriesDescription": "ImageMRSERIES",
    "SeriesNumber": 3,
    "SliceEncodingDirection": "k",
    "SliceTiming": [
      0.0,
      0.0541,
      0.1081,
      0.1622,
      0.2162,
      0.2703,
      0.3243,
      0.3784,
      0.4324,
      0.4865,
      0.5405,
      0.5946,
      0.6486,
      0.7027,
      0.7568,
      0.8108,
      0.8649,
      0.9189,
      0.973,
      1.027,
      1.0811,
      1.1351,
      1.1892,
      1.2432,
      1.2973,
      1.3514,
      1.4054,
      1.4595,
      1.5135,
      1.5676,
      1.6216,
      1.6757,
      1.7297,
      1.7838,
      1.8378,
      1.8919,
      1.9459
    ],
    "TaskName": "gstroop",
    "TotalReadoutTime": 0.025822520692561732,
    "UsePhilipsFloatNotDisplayScaling": 1,
    "acq_id": "seq",
    "dataset": "ds002785",
    "modality": "bold",
    "subject_id": "0104",
    "task_id": "gstroop"
  },
  "dummy_trs": 0,
  "dvars_nstd": 21.59765445204917,
  "dvars_std": 1.297082160204917,
  "dvars_vstd": 1.0215969323770488,
  "efc": 0.3878601416193578,
  "fber": 174210.703125,
  "fd_mean": 0.1450682175292259,
  "fd_num": 41,
  "fd_perc": 16.73469387755102,
  "fwhm_avg": 1.6772895026659815,
  "fwhm_x": 1.6624266666666667,
  "fwhm_y": 1.76736,
  "fwhm_z": 1.6020818413312774,
  "gcor": 0.0238916,
  "gsr_x": -0.017615484073758125,
  "gsr_y": 0.008581491187214851,
  "provenance": {
    "md5sum": "8d617271eb0a0668ff65e4beb568fbb4",
    "settings": {
      "fd_thres": 0.2,
      "testing": false
    },
    "software": "mriqc",
    "version": "22.0.0rc1",
    "webapi_port": null,
    "webapi_url": "https://mriqc.nimh.nih.gov/api/v1"
  },
  "size_t": 245,
  "size_x": 80,
  "size_y": 80,
  "size_z": 37,
  "snr": 6.307810475157025,
  "spacing_tr": 2.0,
  "spacing_x": 3.0,
  "spacing_y": 3.0,
  "spacing_z": 3.299999952316284,
  "summary_bg_k": 81.01242049259677,
  "summary_bg_mad": 56.748124967044205,
  "summary_bg_mean": 423.11834716796875,
  "summary_bg_median": 54.4455680847168,
  "summary_bg_n": 167368.0,
  "summary_bg_p05": 2.4498090624809263,
  "summary_bg_p95": 2012.4626525878903,
  "summary_bg_stdv": 1434.2069091796875,
  "summary_fg_k": 1.8468046726659502,
  "summary_fg_mad": 3450.548172634811,
  "summary_fg_mean": 23556.09375,
  "summary_fg_median": 23207.94921875,
  "summary_fg_n": 29157.0,
  "summary_fg_p05": 18232.736718750002,
  "summary_fg_p95": 29566.257031249996,
  "summary_fg_stdv": 3679.177001953125,
  "tsnr": 78.74108123779297
}