{
  "bids_meta": {
    "AcquisitionNumber": 4,
    "BidsifyVersion": "0.3.5",
    "ConversionSoftware": "dcm2niix",
    "ConversionSoftwareVersion": "v1.0.20181125  GCC6.3.0",
    "EchoTime": 0.00375,
    "ImageComments": "piop",
    "ImageOrientationPatientDICOM": [
      0.99693,
      -0.078293,
      -0.00049009,
      0.078285,
      0.996692,
      0.0218436
    ],
    "Manufacturer": "Philips",
    "PatientPosition": "HFS",
    "PhilipsRescaleIntercept": 0,
    "PhilipsRescaleSlope": 9.64103,
    "PhilipsScaleSlope": 0.00751381,
    "ProtocolName": "WIPt13dSENSE",
    "ReconMatrixPE": 240,
    "RepetitionTime": 0.00815,
    "SeriesDescription": "ImageMRSERIES",
    "SeriesNumber": 4,
    "UsePhilipsFloatNotDisplayScaling": 1,
    "dataset": "ds002785",
    "modality": "T1w",
    "subject_id": "0049"
  },
  "cjv": 0.3348159386274464,
  "cnr": 3.582504842618527,
  "efc": 0.7425823713329543,
  "fber": 1205.3551025390625,
  "fwhm_avg": 3.4463835349583825,
  "fwhm_x": 3.43652,
  "fwhm_y": 3.6571402179825436,
  "fwhm_z": 3.2454903868926035,
  "icvs_csf": 0.24846892584050245,
  "icvs_gm": 0.3854495915881624,
  "icvs_wm": 0.36608148257133516,
  "inu_med": 1.4545056819915771,
  "inu_range": 0.36767053604125977,
  "provenance": {
    "md5sum": "438773e3be1fc61af1302e3dc4cc83bd",
    "settings": {
      "testing": false
    },
    "software": "mriqc",
    "version": "22.0.0rc1",
    "warnings": {
      "large_rot_frame": true,
      "small_air_mask": true
    },
    "webapi_port": null,
    "webapi_url": "https://mriqc.nimh.nih.gov/api/v1"
  },
  "qi_1": 0.0,
  "qi_2": 0.00010085448268820766,
  "rpve_csf": 27.7021958781528,
  "rpve_gm": 16.928850014688383,
  "rpve_wm": 24.43280798157621,
  "size_x": 240,
  "size_y": 240,
  "size_z": 220,
  "snr_csf": 4.13684562005915,
  "snr_gm": 7.606634015552674,
  "snr_total": 10.956792854388807,
  "snr_wm": 21.1268989275546,
  "snrd_csf": 23.901651291995513,
  "snrd_gm": 41.97583561325189,
  "snrd_total": 43.700992058944394,
  "snrd_wm": 65.22548927158577,
  "spacing_x": 1.0,
  "spacing_y": 0.9999999403953552,
  "spacing_z": 0.9999998807907104,
  "summary_bg_k": 29.025592220990156,
  "summary_bg_mad": 10.04403137679258,
  "summary_bg_mean": 18.145719528198242,
  "summary_bg_median": 13.45669174194336,
  "summary_bg_n": 261546.0,
  "summary_bg_p05": 0.0,
  "summary_bg_p95": 53.082926750183105,
  "summary_bg_stdv": 22.411056518554688,
  "summary_csf_k": 1.680575718998222,
  "summary_csf_mad": 76.6231114422036,
  "summary_csf_mean": 355.35540771484375,
  "summary_csf_median": 366.441162109375,
  "summary_csf_n": 5550.0,
  "summary_csf_p05": 196.75578994750975,
  "summary_csf_p95": 480.05110168457037,
  "summary_csf_stdv": 88.57186889648438,
  "summary_gm_k": 0.3881378140100993,
  "summary_gm_mad": 76.87750386693345,
  "summary_gm_mean": 647.2210693359375,
  "summary_gm_median": 643.5402221679688,
  "summary_gm_n": 10205.0,
  "summary_gm_p05": 511.60608520507816,
  "summary_gm_p95": 798.1169555664062,
  "summary_gm_stdv": 84.59835052490234,
  "summary_wm_k": 1.0888256321465475,
  "summary_wm_mad": 42.466047571564374,
  "summary_wm_mean": 997.8877563476562,
  "summary_wm_median": 999.9854736328125,
  "summary_wm_n": 173170.0,
  "summary_wm_p05": 916.7688049316406,
  "summary_wm_p95": 1070.6869873046874,
  "summary_wm_stdv": 47.33219909667969,
  "tpm_overlap_csf": 0.14218221604824066,
  "tpm_overlap_gm": 0.42139920592308044,
  "tpm_overlap_wm": 0.5037623643875122,
  "wm2max": 0.7145300288147501
}