{
  "bids_meta": {
    "AcquisitionNumber": 4,
    "BidsifyVersion": "0.3.5",
    "ConversionSoftware": "dcm2niix",
    "ConversionSoftwareVersion": "v1.0.20181125  GCC6.3.0",
    "EchoTime": 0.00373,
    "ImageComments": "piop",
    "ImageOrientationPatientDICOM": [
      0.997211,
      0.021952,
      0.0713332,
      -0.021411,
      0.999736,
      -0.00833988
    ],
    "Manufacturer": "Philips",
    "PatientPosition": "HFS",
    "PhilipsRescaleIntercept": 0,
    "PhilipsRescaleSlope": 9.30012,
    "PhilipsScaleSlope": 0.00726635,
    "ProtocolName": "WIPt13dSENSE",
    "ReconMatrixPE": 240,
    "RepetitionTime": 0.008168,
    "SeriesDescription": "ImageMRSERIES",
    "SeriesNumber": 4,
    "UsePhilipsFloatNotDisplayScaling": 1,
    "dataset": "ds002785",
    "modality": "T1w",
    "subject_id": "0202"
  },
  "cjv": 0.3007705488368408,
  "cnr": 4.39545229250771,
  "efc": 0.7323883982182324,
  "fber": -1.0,
  "fwhm_avg": 4.178366830211292,
  "fwhm_x": 4.076660242987886,
  "fwhm_y": 4.30363,
  "fwhm_z": 4.154810247645989,
  "icvs_csf": 0.24704874429083593,
  "icvs_gm": 0.4201081862119028,
  "icvs_wm": 0.3328430694972613,
  "inu_med": 0.6200979351997375,
  "inu_range": 0.1974356889724731,
  "provenance": {
    "md5sum": "09142a549c247a7277fec01c02d945b4",
    "settings": {
      "testing": false
    },
    "software": "mriqc",
    "version": "23.0.1",
    "warnings": {
      "large_rot_frame": true,
      "small_air_mask": true
    },
    "webapi_port": null,
    "webapi_url": "https://mriqc.nimh.nih.gov/api/v1"
  },
  "qi_1": 0.0,
  "qi_2": 0.0003054682183244444,
  "rpve_csf": 21.933322977951764,
  "rpve_gm": 12.964204541916521,
  "rpve_wm": 19.7472878911394,
  "size_x": 240,
  "size_y": 240,
  "size_z": 220,
  "snr_csf": 1.5219248026296575,
  "snr_gm": 7.537247427857387,
  "snr_total": 10.59049681623151,
  "snr_wm": 22.712318218207486,
  "snrd_csf": 16.767919879123866,
  "snrd_gm": 68.17153578726375,
  "snrd_total": 66.21338427112187,
  "snrd_wm": 113.70069714697797,
  "spacing_x": 0.9999999403953552,
  "spacing_y": 1.0,
  "spacing_z": 0.9999999403953552,
  "summary_bg_k": 53.92831991379463,
  "summary_bg_mad": 0.0,
  "summary_bg_mean": 1.5280047642904346,
  "summary_bg_median": 0.0,
  "summary_bg_n": 107827.0,
  "summary_bg_p05": 0.0,
  "summary_bg_p95": 15.046967752277851,
  "summary_bg_stdv": 5.761814320346053,
  "summary_csf_k": 1.478951339382104,
  "summary_csf_mad": 91.44960309967472,
  "summary_csf_mean": 164.47373116053808,
  "summary_csf_median": 147.4710318064317,
  "summary_csf_n": 30962.0,
  "summary_csf_p05": 33.45048409672455,
  "summary_csf_p95": 347.36462447838824,
  "summary_csf_stdv": 96.8961475942377,
  "summary_gm_k": 0.010393693739008558,
  "summary_gm_mad": 79.67381346896212,
  "summary_gm_mean": 598.5788136779606,
  "summary_gm_median": 599.5571779236197,
  "summary_gm_n": 35315.0,
  "summary_gm_p05": 465.6047718591988,
  "summary_gm_p95": 728.5591315975412,
  "summary_gm_stdv": 79.5447800935143,
  "summary_wm_k": 0.7422692410346423,
  "summary_wm_mad": 40.76112297072102,
  "summary_wm_mean": 999.3662683724635,
  "summary_wm_median": 999.9784854799509,
  "summary_wm_n": 200841.0,
  "summary_wm_p05": 926.1408651527017,
  "summary_wm_p95": 1069.753424514085,
  "summary_wm_stdv": 44.0279141209485,
  "tpm_overlap_csf": 0.1548427062341931,
  "tpm_overlap_gm": 0.47342060787017176,
  "tpm_overlap_wm": 0.5201228498247332,
  "wm2max": 0.7975039361113493
}