{
  "bids_meta": {
    "AcquisitionNumber": 4,
    "BidsifyVersion": "0.3.5",
    "ConversionSoftware": "dcm2niix",
    "ConversionSoftwareVersion": "v1.0.20181125  GCC6.3.0",
    "EchoTime": 0.00381,
    "ImageComments": "Piop",
    "ImageOrientationPatientDICOM": [
      0.999924,
      0.00817968,
      0.00926877,
      -0.00628279,
      0.981993,
      -0.188815
    ],
    "Manufacturer": "Philips",
    "PatientPosition": "HFS",
    "PhilipsRescaleIntercept": 0,
    "PhilipsRescaleSlope": 9.70452,
    "PhilipsScaleSlope": 0.00662619,
    "ProtocolName": "WIPt13dSENSE",
    "ReconMatrixPE": 240,
    "RepetitionTime": 0.008296,
    "SeriesDescription": "ImageMRSERIES",
    "SeriesNumber": 4,
    "UsePhilipsFloatNotDisplayScaling": 1,
    "dataset": "ds002785",
    "modality": "T1w",
    "subject_id": "0173"
  },
  "cjv": 0.3064763445780144,
  "cnr": 4.118154894800522,
  "efc": 0.7665667549534139,
  "fber": 1302.9730224609375,
  "fwhm_avg": 3.776483333333333,
  "fwhm_x": 3.66879,
  "fwhm_y": 3.97477,
  "fwhm_z": 3.68589,
  "icvs_csf": 0.21288359301698423,
  "icvs_gm": 0.4271074977757034,
  "icvs_wm": 0.3600089092073124,
  "inu_med": 1.5352504253387451,
  "inu_range": 0.4679256439208983,
  "provenance": {
    "md5sum": "d3e959575bce53b7cb8a69869baa83fa",
    "settings": {
      "testing": false
    },
    "software": "mriqc",
    "version": "22.0.0rc1",
    "warnings": {
      "large_rot_frame": true,
      "small_air_mask": true
    },
    "webapi_port": null,
    "webapi_url": "https://mriqc.nimh.nih.gov/api/v1"
  },
  "qi_1": 0.0,
  "qi_2": 0.00016252596205207983,
  "rpve_csf": 22.278668052261807,
  "rpve_gm": 11.971625030632397,
  "rpve_wm": 17.872280644964356,
  "size_x": 240,
  "size_y": 240,
  "size_z": 220,
  "snr_csf": 2.4738860153911917,
  "snr_gm": 7.5806908990177595,
  "snr_total": 9.891059194487283,
  "snr_wm": 19.6186006690529,
  "snrd_csf": 19.37675541074979,
  "snrd_gm": 40.91081769650809,
  "snrd_total": 42.57151853254339,
  "snrd_wm": 67.42698249037227,
  "spacing_x": 1.0,
  "spacing_y": 1.0,
  "spacing_z": 1.0,
  "summary_bg_k": 2.319039729045807,
  "summary_bg_mad": 9.716098162850585,
  "summary_bg_mean": 13.2452392578125,
  "summary_bg_median": 13.080681800842285,
  "summary_bg_n": 204209.0,
  "summary_bg_p05": 0.0,
  "summary_bg_p95": 32.94073333740234,
  "summary_bg_stdv": 10.728405952453613,
  "summary_csf_k": -0.794695756057124,
  "summary_csf_mad": 132.66606801683565,
  "summary_csf_mean": 268.1343994140625,
  "summary_csf_median": 287.369873046875,
  "summary_csf_n": 8978.0,
  "summary_csf_p05": 76.28742294311523,
  "summary_csf_p95": 434.16987609863276,
  "summary_csf_stdv": 116.15485382080078,
  "summary_gm_k": 0.46322301329775817,
  "summary_gm_mad": 75.10094209600992,
  "summary_gm_mean": 611.1687622070312,
  "summary_gm_median": 606.7340087890625,
  "summary_gm_n": 23372.0,
  "summary_gm_p05": 484.99474029541017,
  "summary_gm_p95": 751.393734741211,
  "summary_gm_stdv": 80.0350570678711,
  "summary_wm_k": 1.2143021456205734,
  "summary_wm_mad": 45.421478995904764,
  "summary_wm_mean": 997.0374755859375,
  "summary_wm_median": 999.9859619140625,
  "summary_wm_n": 233872.0,
  "summary_wm_p05": 908.4480895996094,
  "summary_wm_p95": 1073.918127441406,
  "summary_wm_stdv": 50.97121047973633,
  "tpm_overlap_csf": 0.16427989304065704,
  "tpm_overlap_gm": 0.44242438673973083,
  "tpm_overlap_wm": 0.4928588569164276,
  "wm2max": 0.7581084536312591
}