{
  "aor": 0.0023084444444444446,
  "aqi": 0.006180252148148149,
  "bids_meta": {
    "AcquisitionNumber": 5,
    "BidsifyVersion": "0.3.5",
    "ConversionSoftware": "dcm2niix",
    "ConversionSoftwareVersion": "v1.0.20181125  GCC6.3.0",
    "EchoTime": 0.02762,
    "EffectiveEchoSpacing": 0.0006621159151938905,
    "ImageComments": "PIOP",
    "ImageOrientationPatientDICOM": [
      0.998496,
      0.0524103,
      0.016119,
      -0.0470879,
      0.970199,
      -0.237692
    ],
    "Manufacturer": "Philips",
    "NumberOfVolumesDiscardedByScanner": 2,
    "ParallelAcquisitionTechnique": "SENSE",
    "ParallelReductionFactorInPlane": 2,
    "PatientPosition": "HFS",
    "PhaseEncodingDirection": "j",
    "PhilipsRescaleIntercept": 0,
    "PhilipsRescaleSlope": 0.81099,
    "PhilipsScaleSlope": 0.0754128,
    "ProtocolName": "WIPpiopharririSENSE",
    "PulseSequenceType": "gradient echo EPI",
    "ReconMatrixPE": 80,
    "RepetitionTime": 2,
    "SeriesDescription": "ImageMRSERIES",
    "SeriesNumber": 5,
    "SliceEncodingDirection": "k",
    "SliceTiming": [
      0.0,
      0.0541,
      0.1081,
      0.1622,
      0.2162,
      0.2703,
      0.3243,
      0.3784,
      0.4324,
      0.4865,
      0.5405,
      0.5946,
      0.6486,
      0.7027,
      0.7568,
      0.8108,
      0.8649,
      0.9189,
      0.973,
      1.027,
      1.0811,
      1.1351,
      1.1892,
      1.2432,
      1.2973,
      1.3514,
      1.4054,
      1.4595,
      1.5135,
      1.5676,
      1.6216,
      1.6757,
      1.7297,
      1.7838,
      1.8378,
      1.8919,
      1.9459
    ],
    "TaskName": "emomatching",
    "TotalReadoutTime": 0.025822520692561732,
    "UsePhilipsFloatNotDisplayScaling": 1,
    "acq_id": "seq",
    "dataset": "ds002785",
    "modality": "bold",
    "subject_id": "0175",
    "task_id": "emomatching"
  },
  "dummy_trs": 0,
  "dvars_nstd": 26.582835354179107,
  "dvars_std": 1.2570226679850742,
  "dvars_vstd": 0.9951358441791044,
  "efc": 0.40946354636339327,
  "fber": 156816.875,
  "fd_mean": 0.1930175598325777,
  "fd_num": 35,
  "fd_perc": 25.925925925925927,
  "fwhm_avg": 1.8137689980106657,
  "fwhm_x": 1.7808766666666667,
  "fwhm_y": 1.9763,
  "fwhm_z": 1.6841303273653307,
  "gcor": 0.0276986,
  "gsr_x": -0.015469533391296864,
  "gsr_y": 0.010029383935034275,
  "provenance": {
    "md5sum": "26858ff5d9701fa72dc50cb536a3394f",
    "settings": {
      "fd_thres": 0.2,
      "testing": false
    },
    "software": "mriqc",
    "version": "22.0.0rc1",
    "webapi_port": null,
    "webapi_url": "https://mriqc.nimh.nih.gov/api/v1"
  },
  "size_t": 135,
  "size_x": 80,
  "size_y": 80,
  "size_z": 37,
  "snr": 5.431954033231405,
  "spacing_tr": 2.0,
  "spacing_x": 3.0,
  "spacing_y": 3.0,
  "spacing_z": 3.299999952316284,
  "summary_bg_k": 105.69418105849414,
  "summary_bg_mad": 52.03539925494943,
  "summary_bg_mean": 420.3405456542969,
  "summary_bg_median": 47.86145782470703,
  "summary_bg_n": 163351.0,
  "summary_bg_p05": 3.643877387046814,
  "summary_bg_p95": 1903.7025146484375,
  "summary_bg_stdv": 1347.7840576171875,
  "summary_fg_k": 1.976272690660445,
  "summary_fg_mad": 3217.235231327324,
  "summary_fg_mean": 19664.08203125,
  "summary_fg_median": 19330.6484375,
  "summary_fg_n": 32504.0,
  "summary_fg_p05": 14619.79580078125,
  "summary_fg_p95": 25792.42138671875,
  "summary_fg_stdv": 3558.63671875,
  "tsnr": 67.2063217163086
}