{
  "aor": 0.0031722857142857143,
  "aqi": 0.009737596612244898,
  "bids_meta": {
    "AcquisitionNumber": 3,
    "BidsifyVersion": "0.3.5",
    "ConversionSoftware": "dcm2niix",
    "ConversionSoftwareVersion": "v1.0.20181125  GCC6.3.0",
    "EchoTime": 0.02762,
    "EffectiveEchoSpacing": 0.0006621159151938905,
    "ImageComments": "PIOP",
    "ImageOrientationPatientDICOM": [
      0.998496,
      0.0524103,
      0.016119,
      -0.0470879,
      0.970199,
      -0.237692
    ],
    "Manufacturer": "Philips",
    "NumberOfVolumesDiscardedByScanner": 2,
    "ParallelAcquisitionTechnique": "SENSE",
    "ParallelReductionFactorInPlane": 2,
    "PatientPosition": "HFS",
    "PhaseEncodingDirection": "j",
    "PhilipsRescaleIntercept": 0,
    "PhilipsRescaleSlope": 0.74359,
    "PhilipsScaleSlope": 0.0790718,
    "ProtocolName": "WIPpiopgstroopSENSE",
    "PulseSequenceType": "gradient echo EPI",
    "ReconMatrixPE": 80,
    "RepetitionTime": 2,
    "SeriesDescription": "ImageMRSERIES",
    "SeriesNumber": 3,
    "SliceEncodingDirection": "k",
    "SliceTiming": [
      0.0,
      0.0541,
      0.1081,
      0.1622,
      0.2162,
      0.2703,
      0.3243,
      0.3784,
      0.4324,
      0.4865,
      0.5405,
      0.5946,
      0.6486,
      0.7027,
      0.7568,
      0.8108,
      0.8649,
      0.9189,
      0.973,
      1.027,
      1.0811,
      1.1351,
      1.1892,
      1.2432,
      1.2973,
      1.3514,
      1.4054,
      1.4595,
      1.5135,
      1.5676,
      1.6216,
      1.6757,
      1.7297,
      1.7838,
      1.8378,
      1.8919,
      1.9459
    ],
    "TaskName": "gstroop",
    "TotalReadoutTime": 0.025822520692561732,
    "UsePhilipsFloatNotDisplayScaling": 1,
    "acq_id": "seq",
    "dataset": "ds002785",
    "modality": "bold",
    "subject_id": "0175",
    "task_id": "gstroop"
  },
  "dummy_trs": 0,
  "dvars_nstd": 26.719046420532788,
  "dvars_std": 1.2129758935245898,
  "dvars_vstd": 0.9936560124999997,
  "efc": 0.40863912510196687,
  "fber": 154042.65625,
  "fd_mean": 0.20368451339075844,
  "fd_num": 77,
  "fd_perc": 31.428571428571427,
  "fwhm_avg": 1.7602976846619953,
  "fwhm_x": 1.7145433333333333,
  "fwhm_y": 1.9273466666666668,
  "fwhm_z": 1.6390030539859866,
  "gcor": 0.0345007,
  "gsr_x": -0.014923307113349438,
  "gsr_y": 0.009303825907409191,
  "provenance": {
    "md5sum": "bc69f71d44a7aeb82637d9410f079f01",
    "settings": {
      "fd_thres": 0.2,
      "testing": false
    },
    "software": "mriqc",
    "version": "22.0.0rc1",
    "webapi_port": null,
    "webapi_url": "https://mriqc.nimh.nih.gov/api/v1"
  },
  "size_t": 245,
  "size_x": 80,
  "size_y": 80,
  "size_z": 37,
  "snr": 5.679192934608773,
  "spacing_tr": 2.0,
  "spacing_x": 3.0,
  "spacing_y": 3.0,
  "spacing_z": 3.299999952316284,
  "summary_bg_k": 117.77614995589221,
  "summary_bg_mad": 51.966648825536005,
  "summary_bg_mean": 414.7193298339844,
  "summary_bg_median": 48.36311340332031,
  "summary_bg_n": 163547.0,
  "summary_bg_p05": 4.175959157943726,
  "summary_bg_p95": 1845.8869750976532,
  "summary_bg_stdv": 1355.30224609375,
  "summary_fg_k": 2.133897525955157,
  "summary_fg_mad": 3121.5552654994685,
  "summary_fg_mean": 19617.41796875,
  "summary_fg_median": 19312.865234375,
  "summary_fg_n": 32378.0,
  "summary_fg_p05": 14847.389013671875,
  "summary_fg_p95": 25400.82080078125,
  "summary_fg_stdv": 3400.5830078125,
  "tsnr": 56.90647888183594
}