{
  "aor": 0.00046451515151515153,
  "aqi": 0.012645178727272726,
  "bids_meta": {
    "AcquisitionNumber": 2,
    "BidsifyVersion": "0.3.5",
    "ConversionSoftware": "dcm2niix",
    "ConversionSoftwareVersion": "v1.0.20181125  GCC6.3.0",
    "EchoTime": 0.02762,
    "EffectiveEchoSpacing": 0.0006333282667071997,
    "ImageComments": "PIOP",
    "ImageOrientationPatientDICOM": [
      0.998496,
      0.0524103,
      0.016119,
      -0.0470879,
      0.970199,
      -0.237692
    ],
    "Manufacturer": "Philips",
    "NumberOfVolumesDiscardedByScanner": 2,
    "ParallelAcquisitionTechnique": "SENSE",
    "ParallelReductionFactorInPlane": 2,
    "PatientPosition": "HFS",
    "PhaseEncodingDirection": "j",
    "PhilipsRescaleIntercept": 0,
    "PhilipsRescaleSlope": 0.74652,
    "PhilipsScaleSlope": 0.108315,
    "ProtocolName": "WIPpiopfacesSENSE",
    "PulseSequenceType": "gradient echo EPI",
    "ReconMatrixPE": 80,
    "RepetitionTime": 0.75,
    "SeriesDescription": "ImageMRSERIES",
    "SeriesNumber": 2,
    "SliceEncodingDirection": "k",
    "SliceTiming": [
      0.0,
      0.06755050505050506,
      0.1351010101010101,
      0.20265151515151517,
      0.2702020202020202,
      0.3377525252525253,
      0.40530303030303033,
      0.47285353535353536,
      0.5404040404040404,
      0.6079545454545455,
      0.6755050505050506,
      0.7430555555555556,
      0.0,
      0.06755050505050506,
      0.1351010101010101,
      0.20265151515151517,
      0.2702020202020202,
      0.3377525252525253,
      0.40530303030303033,
      0.47285353535353536,
      0.5404040404040404,
      0.6079545454545455,
      0.6755050505050506,
      0.7430555555555556,
      0.0,
      0.06755050505050506,
      0.1351010101010101,
      0.20265151515151517,
      0.2702020202020202,
      0.3377525252525253,
      0.40530303030303033,
      0.47285353535353536,
      0.5404040404040404,
      0.6079545454545455,
      0.6755050505050506,
      0.7430555555555556
    ],
    "TaskName": "faces",
    "TotalReadoutTime": 0.024699802401580786,
    "UsePhilipsFloatNotDisplayScaling": 1,
    "acq_id": "mb3",
    "dataset": "ds002785",
    "modality": "bold",
    "subject_id": "0175",
    "task_id": "faces"
  },
  "dummy_trs": 0,
  "dvars_nstd": 30.720348450911864,
  "dvars_std": 1.0709259730699097,
  "dvars_vstd": 1.0024091157750763,
  "efc": 0.4159364836548066,
  "fber": 187008.8125,
  "fd_mean": 0.22264993063965388,
  "fd_num": 185,
  "fd_perc": 56.06060606060606,
  "fwhm_avg": 1.8992997054911582,
  "fwhm_x": 1.8995,
  "fwhm_y": 2.0291900000000003,
  "fwhm_z": 1.7692091164734742,
  "gcor": 0.0254335,
  "gsr_x": -0.018185019493103027,
  "gsr_y": 0.007200802210718393,
  "provenance": {
    "md5sum": "cc95f70129adcfbe54f5d1a43513a72c",
    "settings": {
      "fd_thres": 0.2,
      "testing": false
    },
    "software": "mriqc",
    "version": "22.0.0rc1",
    "webapi_port": null,
    "webapi_url": "https://mriqc.nimh.nih.gov/api/v1"
  },
  "size_t": 330,
  "size_x": 80,
  "size_y": 80,
  "size_z": 36,
  "snr": 6.042990287452337,
  "spacing_tr": 0.75,
  "spacing_x": 3.0,
  "spacing_y": 3.0,
  "spacing_z": 3.299999952316284,
  "summary_bg_k": 74.65659176484235,
  "summary_bg_mad": 41.700221318896986,
  "summary_bg_mean": 357.68304443359375,
  "summary_bg_median": 36.03901290893555,
  "summary_bg_n": 158031.0,
  "summary_bg_p05": 2.0283783674240112,
  "summary_bg_p95": 1607.269287109375,
  "summary_bg_stdv": 1076.193115234375,
  "summary_fg_k": 0.9062631947665052,
  "summary_fg_mad": 2440.1924049201975,
  "summary_fg_mean": 15998.083984375,
  "summary_fg_median": 15849.455078125,
  "summary_fg_n": 31950.0,
  "summary_fg_p05": 12002.400439453126,
  "summary_fg_p95": 20527.36787109375,
  "summary_fg_stdv": 2622.742431640625,
  "tsnr": 42.2575798034668
}