{
  "aor": 0.005506397515527951,
  "aqi": 0.010244309316770187,
  "bids_meta": {
    "AcquisitionNumber": 8,
    "BidsifyVersion": "0.3.5",
    "ConversionSoftware": "dcm2niix",
    "ConversionSoftwareVersion": "v1.0.20181125  GCC6.3.0",
    "EchoTime": 0.02762,
    "EffectiveEchoSpacing": 0.0006621159151938905,
    "ImageComments": "PIOP",
    "ImageOrientationPatientDICOM": [
      0.998496,
      0.0524103,
      0.016119,
      -0.0470879,
      0.970199,
      -0.237692
    ],
    "Manufacturer": "Philips",
    "NumberOfVolumesDiscardedByScanner": 2,
    "ParallelAcquisitionTechnique": "SENSE",
    "ParallelReductionFactorInPlane": 2,
    "PatientPosition": "HFS",
    "PhaseEncodingDirection": "j",
    "PhilipsRescaleIntercept": 0,
    "PhilipsRescaleSlope": 0.73919,
    "PhilipsScaleSlope": 0.0840486,
    "ProtocolName": "WIPpiopwmSENSE",
    "PulseSequenceType": "gradient echo EPI",
    "ReconMatrixPE": 80,
    "RepetitionTime": 2,
    "SeriesDescription": "ImageMRSERIES",
    "SeriesNumber": 8,
    "SliceEncodingDirection": "k",
    "SliceTiming": [
      0.0,
      0.0541,
      0.1081,
      0.1622,
      0.2162,
      0.2703,
      0.3243,
      0.3784,
      0.4324,
      0.4865,
      0.5405,
      0.5946,
      0.6486,
      0.7027,
      0.7568,
      0.8108,
      0.8649,
      0.9189,
      0.973,
      1.027,
      1.0811,
      1.1351,
      1.1892,
      1.2432,
      1.2973,
      1.3514,
      1.4054,
      1.4595,
      1.5135,
      1.5676,
      1.6216,
      1.6757,
      1.7297,
      1.7838,
      1.8378,
      1.8919,
      1.9459
    ],
    "TaskName": "workingmemory",
    "TotalReadoutTime": 0.025822520692561732,
    "UsePhilipsFloatNotDisplayScaling": 1,
    "acq_id": "seq",
    "dataset": "ds002785",
    "modality": "bold",
    "subject_id": "0175",
    "task_id": "workingmemory"
  },
  "dummy_trs": 1,
  "dvars_nstd": 25.754108130750005,
  "dvars_std": 1.2237020815625006,
  "dvars_vstd": 0.9978769674999995,
  "efc": 0.4110481298402976,
  "fber": 146270.921875,
  "fd_mean": 0.18285634512309928,
  "fd_num": 49,
  "fd_perc": 30.434782608695652,
  "fwhm_avg": 1.7919951594315098,
  "fwhm_x": 1.7640500000000001,
  "fwhm_y": 1.9683566666666668,
  "fwhm_z": 1.643578811627862,
  "gcor": 0.02232,
  "gsr_x": -0.01622851751744747,
  "gsr_y": 0.009896713308990002,
  "provenance": {
    "md5sum": "952da7cecbee59b5d803c21330d65c36",
    "settings": {
      "fd_thres": 0.2,
      "testing": false
    },
    "software": "mriqc",
    "version": "22.0.0rc1",
    "webapi_port": null,
    "webapi_url": "https://mriqc.nimh.nih.gov/api/v1"
  },
  "size_t": 161,
  "size_x": 80,
  "size_y": 80,
  "size_z": 37,
  "snr": 5.542837689661461,
  "spacing_tr": 2.0,
  "spacing_x": 3.0,
  "spacing_y": 3.0,
  "spacing_z": 3.299999952316284,
  "summary_bg_k": 104.11572033910954,
  "summary_bg_mad": 53.136286997510766,
  "summary_bg_mean": 422.04400634765625,
  "summary_bg_median": 48.30564498901367,
  "summary_bg_n": 163367.0,
  "summary_bg_p05": 4.055054950714111,
  "summary_bg_p95": 1933.2326538085929,
  "summary_bg_stdv": 1337.341064453125,
  "summary_fg_k": 2.2696092411967417,
  "summary_fg_mad": 3089.396986324441,
  "summary_fg_mean": 19093.861328125,
  "summary_fg_median": 18784.31640625,
  "summary_fg_n": 32496.0,
  "summary_fg_p05": 14329.245361328125,
  "summary_fg_p95": 24891.59228515625,
  "summary_fg_stdv": 3388.8828125,
  "tsnr": 57.36408615112305
}