{
  "aor": 0.0004972424242424242,
  "aqi": 0.00875735909090909,
  "bids_meta": {
    "AcquisitionNumber": 2,
    "BidsifyVersion": "0.3.5",
    "ConversionSoftware": "dcm2niix",
    "ConversionSoftwareVersion": "v1.0.20181125  GCC6.3.0",
    "EchoTime": 0.02762,
    "EffectiveEchoSpacing": 0.0006333282667071997,
    "ImageComments": "Piop",
    "ImageOrientationPatientDICOM": [
      0.996749,
      0.0184729,
      -0.0784296,
      -0.0290605,
      0.990271,
      -0.136081
    ],
    "Manufacturer": "Philips",
    "NumberOfVolumesDiscardedByScanner": 2,
    "ParallelAcquisitionTechnique": "SENSE",
    "ParallelReductionFactorInPlane": 2,
    "PatientPosition": "HFS",
    "PhaseEncodingDirection": "j",
    "PhilipsRescaleIntercept": 0,
    "PhilipsRescaleSlope": 0.74505,
    "PhilipsScaleSlope": 0.0867772,
    "ProtocolName": "WIPpiopfacesSENSE",
    "PulseSequenceType": "gradient echo EPI",
    "ReconMatrixPE": 80,
    "RepetitionTime": 0.75,
    "SeriesDescription": "ImageMRSERIES",
    "SeriesNumber": 2,
    "SliceEncodingDirection": "k",
    "SliceTiming": [
      0.0,
      0.06755050505050506,
      0.1351010101010101,
      0.20265151515151517,
      0.2702020202020202,
      0.3377525252525253,
      0.40530303030303033,
      0.47285353535353536,
      0.5404040404040404,
      0.6079545454545455,
      0.6755050505050506,
      0.7430555555555556,
      0.0,
      0.06755050505050506,
      0.1351010101010101,
      0.20265151515151517,
      0.2702020202020202,
      0.3377525252525253,
      0.40530303030303033,
      0.47285353535353536,
      0.5404040404040404,
      0.6079545454545455,
      0.6755050505050506,
      0.7430555555555556,
      0.0,
      0.06755050505050506,
      0.1351010101010101,
      0.20265151515151517,
      0.2702020202020202,
      0.3377525252525253,
      0.40530303030303033,
      0.47285353535353536,
      0.5404040404040404,
      0.6079545454545455,
      0.6755050505050506,
      0.7430555555555556
    ],
    "TaskName": "faces",
    "TotalReadoutTime": 0.024699802401580786,
    "UsePhilipsFloatNotDisplayScaling": 1,
    "acq_id": "mb3",
    "dataset": "ds002785",
    "modality": "bold",
    "subject_id": "0147",
    "task_id": "faces"
  },
  "dummy_trs": 0,
  "dvars_nstd": 23.598980895258354,
  "dvars_std": 1.1643530653191503,
  "dvars_vstd": 0.9667179779939212,
  "efc": 0.42693502287174084,
  "fber": 162672.96875,
  "fd_mean": 0.08317894229474194,
  "fd_num": 2,
  "fd_perc": 0.6060606060606061,
  "fwhm_avg": 2.257040664472156,
  "fwhm_x": 2.2898666666666667,
  "fwhm_y": 2.46004,
  "fwhm_z": 2.021215326749801,
  "gcor": 0.0111137,
  "gsr_x": -0.024331117048859596,
  "gsr_y": 0.014440043829381466,
  "provenance": {
    "md5sum": "63a9e49fe34da983603a127611ce40d4",
    "settings": {
      "fd_thres": 0.2,
      "testing": false
    },
    "software": "mriqc",
    "version": "22.0.0rc1",
    "webapi_port": null,
    "webapi_url": "https://mriqc.nimh.nih.gov/api/v1"
  },
  "size_t": 330,
  "size_x": 80,
  "size_y": 80,
  "size_z": 36,
  "snr": 5.763296722457596,
  "spacing_tr": 0.75,
  "spacing_x": 3.0,
  "spacing_y": 3.0,
  "spacing_z": 3.299999713897705,
  "summary_bg_k": 34.75615672268605,
  "summary_bg_mad": 47.25303658581614,
  "summary_bg_mean": 437.09930419921875,
  "summary_bg_median": 45.07666015625,
  "summary_bg_n": 156067.0,
  "summary_bg_p05": 4.380054664611817,
  "summary_bg_p95": 2347.9277099609353,
  "summary_bg_stdv": 1213.8277587890625,
  "summary_fg_k": 0.3997855887835673,
  "summary_fg_mad": 3051.7600286388424,
  "summary_fg_mean": 18615.2890625,
  "summary_fg_median": 18635.84375,
  "summary_fg_n": 33437.0,
  "summary_fg_p05": 13124.1302734375,
  "summary_fg_p95": 23764.903125,
  "summary_fg_stdv": 3233.490478515625,
  "tsnr": 56.72242736816406
}