{
  "aor": 0.0007639499999999999,
  "aqi": 0.0031614765,
  "bids_meta": {
    "AcquisitionNumber": 9,
    "BidsifyVersion": "0.3.5",
    "ConversionSoftware": "dcm2niix",
    "ConversionSoftwareVersion": "v1.0.20181125  GCC6.3.0",
    "EchoTime": 0.02762,
    "EffectiveEchoSpacing": 0.0006621159151938905,
    "ImageComments": "Piop",
    "ImageOrientationPatientDICOM": [
      0.996749,
      0.0184729,
      -0.0784296,
      -0.0290605,
      0.990271,
      -0.136081
    ],
    "Manufacturer": "Philips",
    "NumberOfVolumesDiscardedByScanner": 2,
    "ParallelAcquisitionTechnique": "SENSE",
    "ParallelReductionFactorInPlane": 2,
    "PatientPosition": "HFS",
    "PhaseEncodingDirection": "j",
    "PhilipsRescaleIntercept": 0,
    "PhilipsRescaleSlope": 0.81441,
    "PhilipsScaleSlope": 0.0476593,
    "ProtocolName": "WIPpiopanticipatieSENSE",
    "PulseSequenceType": "gradient echo EPI",
    "ReconMatrixPE": 80,
    "RepetitionTime": 2,
    "SeriesDescription": "ImageMRSERIES",
    "SeriesNumber": 9,
    "SliceEncodingDirection": "k",
    "SliceTiming": [
      0.0,
      0.0541,
      0.1081,
      0.1622,
      0.2162,
      0.2703,
      0.3243,
      0.3784,
      0.4324,
      0.4865,
      0.5405,
      0.5946,
      0.6486,
      0.7027,
      0.7568,
      0.8108,
      0.8649,
      0.9189,
      0.973,
      1.027,
      1.0811,
      1.1351,
      1.1892,
      1.2432,
      1.2973,
      1.3514,
      1.4054,
      1.4595,
      1.5135,
      1.5676,
      1.6216,
      1.6757,
      1.7297,
      1.7838,
      1.8378,
      1.8919,
      1.9459
    ],
    "TaskName": "anticipation",
    "TotalReadoutTime": 0.025822520692561732,
    "UsePhilipsFloatNotDisplayScaling": 1,
    "acq_id": "seq",
    "dataset": "ds002785",
    "modality": "bold",
    "subject_id": "0147",
    "task_id": "anticipation"
  },
  "dummy_trs": 0,
  "dvars_nstd": 23.472541780351758,
  "dvars_std": 1.3474527283417095,
  "dvars_vstd": 0.9890902660301509,
  "efc": 0.4164169427227981,
  "fber": 174077.90625,
  "fd_mean": 0.09423909767141979,
  "fd_num": 2,
  "fd_perc": 1.0,
  "fwhm_avg": 1.9592213781434362,
  "fwhm_x": 1.9108433333333332,
  "fwhm_y": 2.0983633333333334,
  "fwhm_z": 1.8684574677636425,
  "gcor": 0.0131189,
  "gsr_x": -0.021993737667798996,
  "gsr_y": 0.01515878550708294,
  "provenance": {
    "md5sum": "42b1d118b93cd0b3c2f78f355794d4dd",
    "settings": {
      "fd_thres": 0.2,
      "testing": false
    },
    "software": "mriqc",
    "version": "22.0.0rc1",
    "webapi_port": null,
    "webapi_url": "https://mriqc.nimh.nih.gov/api/v1"
  },
  "size_t": 200,
  "size_x": 80,
  "size_y": 80,
  "size_z": 37,
  "snr": 5.003809453563238,
  "spacing_tr": 2.0,
  "spacing_x": 3.0,
  "spacing_y": 3.0,
  "spacing_z": 3.3000001907348633,
  "summary_bg_k": 41.669824915478614,
  "summary_bg_mad": 66.46789083748567,
  "summary_bg_mean": 633.8599853515625,
  "summary_bg_median": 63.55793762207031,
  "summary_bg_n": 161841.0,
  "summary_bg_p05": 3.7997326850891113,
  "summary_bg_p95": 3333.399658203125,
  "summary_bg_stdv": 1913.7943115234375,
  "summary_fg_k": 1.4535579227131281,
  "summary_fg_mad": 5100.202306539786,
  "summary_fg_mean": 28238.85546875,
  "summary_fg_median": 27668.921875,
  "summary_fg_n": 33640.0,
  "summary_fg_p05": 20197.79033203125,
  "summary_fg_p95": 37422.6490234375,
  "summary_fg_stdv": 5529.4892578125,
  "tsnr": 89.51628875732422
}