{
  "aor": 0.0009596296296296296,
  "aqi": 0.0022468667407407406,
  "bids_meta": {
    "AcquisitionNumber": 5,
    "BidsifyVersion": "0.3.5",
    "ConversionSoftware": "dcm2niix",
    "ConversionSoftwareVersion": "v1.0.20181125  GCC6.3.0",
    "EchoTime": 0.02762,
    "EffectiveEchoSpacing": 0.0006621159151938905,
    "ImageComments": "Piop",
    "ImageOrientationPatientDICOM": [
      0.996749,
      0.0184729,
      -0.0784296,
      -0.0290605,
      0.990271,
      -0.136081
    ],
    "Manufacturer": "Philips",
    "NumberOfVolumesDiscardedByScanner": 2,
    "ParallelAcquisitionTechnique": "SENSE",
    "ParallelReductionFactorInPlane": 2,
    "PatientPosition": "HFS",
    "PhaseEncodingDirection": "j",
    "PhilipsRescaleIntercept": 0,
    "PhilipsRescaleSlope": 0.76313,
    "PhilipsScaleSlope": 0.0495114,
    "ProtocolName": "WIPpiopharririSENSE",
    "PulseSequenceType": "gradient echo EPI",
    "ReconMatrixPE": 80,
    "RepetitionTime": 2,
    "SeriesDescription": "ImageMRSERIES",
    "SeriesNumber": 5,
    "SliceEncodingDirection": "k",
    "SliceTiming": [
      0.0,
      0.0541,
      0.1081,
      0.1622,
      0.2162,
      0.2703,
      0.3243,
      0.3784,
      0.4324,
      0.4865,
      0.5405,
      0.5946,
      0.6486,
      0.7027,
      0.7568,
      0.8108,
      0.8649,
      0.9189,
      0.973,
      1.027,
      1.0811,
      1.1351,
      1.1892,
      1.2432,
      1.2973,
      1.3514,
      1.4054,
      1.4595,
      1.5135,
      1.5676,
      1.6216,
      1.6757,
      1.7297,
      1.7838,
      1.8378,
      1.8919,
      1.9459
    ],
    "TaskName": "emomatching",
    "TotalReadoutTime": 0.025822520692561732,
    "UsePhilipsFloatNotDisplayScaling": 1,
    "acq_id": "seq",
    "dataset": "ds002785",
    "modality": "bold",
    "subject_id": "0147",
    "task_id": "emomatching"
  },
  "dummy_trs": 0,
  "dvars_nstd": 21.906405178507466,
  "dvars_std": 1.3496600226865674,
  "dvars_vstd": 1.0073325440298508,
  "efc": 0.41431488135158123,
  "fber": 179074.046875,
  "fd_mean": 0.083391720168467,
  "fd_num": 0,
  "fd_perc": 0.0,
  "fwhm_avg": 1.970234812392525,
  "fwhm_x": 1.9259633333333335,
  "fwhm_y": 2.1113866666666667,
  "fwhm_z": 1.8733544371775752,
  "gcor": 0.0171528,
  "gsr_x": -0.021319063380360603,
  "gsr_y": 0.014897475950419903,
  "provenance": {
    "md5sum": "cd8b12669173c0c23cf40986d2a724ba",
    "settings": {
      "fd_thres": 0.2,
      "testing": false
    },
    "software": "mriqc",
    "version": "22.0.0rc1",
    "webapi_port": null,
    "webapi_url": "https://mriqc.nimh.nih.gov/api/v1"
  },
  "size_t": 135,
  "size_x": 80,
  "size_y": 80,
  "size_z": 37,
  "snr": 4.945130529452817,
  "spacing_tr": 2.0,
  "spacing_x": 3.0,
  "spacing_y": 3.0,
  "spacing_z": 3.3000001907348633,
  "summary_bg_k": 43.113119910540185,
  "summary_bg_mad": 64.93450062489215,
  "summary_bg_mean": 621.8548583984375,
  "summary_bg_median": 63.647518157958984,
  "summary_bg_n": 161955.0,
  "summary_bg_p05": 3.6840641260147096,
  "summary_bg_p95": 3212.1064453124973,
  "summary_bg_stdv": 1904.4959716796875,
  "summary_fg_k": 1.395515763136494,
  "summary_fg_mad": 5300.191446420393,
  "summary_fg_mean": 28706.220703125,
  "summary_fg_median": 28142.77734375,
  "summary_fg_n": 33616.0,
  "summary_fg_p05": 20412.0009765625,
  "summary_fg_p95": 38223.072265625,
  "summary_fg_stdv": 5690.92333984375,
  "tsnr": 99.11630249023438
}