{
  "aor": 0.00054745,
  "aqi": 0.00384170185,
  "bids_meta": {
    "AcquisitionNumber": 9,
    "BidsifyVersion": "0.3.5",
    "ConversionSoftware": "dcm2niix",
    "ConversionSoftwareVersion": "v1.0.20181125  GCC6.3.0",
    "EchoTime": 0.02762,
    "EffectiveEchoSpacing": 0.0006621159151938905,
    "ImageComments": "Piop",
    "ImageOrientationPatientDICOM": [
      0.997508,
      -0.0678155,
      0.0194794,
      0.0702774,
      0.979516,
      -0.188707
    ],
    "Manufacturer": "Philips",
    "NumberOfVolumesDiscardedByScanner": 2,
    "ParallelAcquisitionTechnique": "SENSE",
    "ParallelReductionFactorInPlane": 2,
    "PatientPosition": "HFS",
    "PhaseEncodingDirection": "j",
    "PhilipsRescaleIntercept": 0,
    "PhilipsRescaleSlope": 0.79048,
    "PhilipsScaleSlope": 0.058659,
    "ProtocolName": "WIPpiopanticipatieSENSE",
    "PulseSequenceType": "gradient echo EPI",
    "ReconMatrixPE": 80,
    "RepetitionTime": 2,
    "SeriesDescription": "ImageMRSERIES",
    "SeriesNumber": 9,
    "SliceEncodingDirection": "k",
    "SliceTiming": [
      0.0,
      0.0541,
      0.1081,
      0.1622,
      0.2162,
      0.2703,
      0.3243,
      0.3784,
      0.4324,
      0.4865,
      0.5405,
      0.5946,
      0.6486,
      0.7027,
      0.7568,
      0.8108,
      0.8649,
      0.9189,
      0.973,
      1.027,
      1.0811,
      1.1351,
      1.1892,
      1.2432,
      1.2973,
      1.3514,
      1.4054,
      1.4595,
      1.5135,
      1.5676,
      1.6216,
      1.6757,
      1.7297,
      1.7838,
      1.8378,
      1.8919,
      1.9459
    ],
    "TaskName": "anticipation",
    "TotalReadoutTime": 0.025822520692561732,
    "UsePhilipsFloatNotDisplayScaling": 1,
    "acq_id": "seq",
    "dataset": "ds002785",
    "modality": "bold",
    "subject_id": "0059",
    "task_id": "anticipation"
  },
  "dummy_trs": 0,
  "dvars_nstd": 19.17161946804019,
  "dvars_std": 1.2173006697487438,
  "dvars_vstd": 0.9896487665829143,
  "efc": 0.4145232266115994,
  "fber": 175862.21875,
  "fd_mean": 0.09493191932380794,
  "fd_num": 2,
  "fd_perc": 1.0,
  "fwhm_avg": 1.7929724325302103,
  "fwhm_x": 1.7653699999999999,
  "fwhm_y": 1.8928533333333333,
  "fwhm_z": 1.7206939642572974,
  "gcor": 0.0169109,
  "gsr_x": -0.01708037406206131,
  "gsr_y": 0.012832622975111008,
  "provenance": {
    "md5sum": "d04ea740b777ff65bf1ca18e2cea16cd",
    "settings": {
      "fd_thres": 0.2,
      "testing": false
    },
    "software": "mriqc",
    "version": "22.0.0rc1",
    "webapi_port": null,
    "webapi_url": "https://mriqc.nimh.nih.gov/api/v1"
  },
  "size_t": 200,
  "size_x": 80,
  "size_y": 80,
  "size_z": 37,
  "snr": 6.106131174611311,
  "spacing_tr": 2.0,
  "spacing_x": 3.0,
  "spacing_y": 3.0,
  "spacing_z": 3.299999952316284,
  "summary_bg_k": 73.49466526873628,
  "summary_bg_mad": 53.6023234000536,
  "summary_bg_mean": 532.9685668945312,
  "summary_bg_median": 58.11834716796875,
  "summary_bg_n": 162044.0,
  "summary_bg_p05": 4.850109672546387,
  "summary_bg_p95": 2631.401574707035,
  "summary_bg_stdv": 1816.2066650390625,
  "summary_fg_k": 1.3238161473415078,
  "summary_fg_mad": 3839.6907150881193,
  "summary_fg_mean": 25214.349609375,
  "summary_fg_median": 24932.86328125,
  "summary_fg_n": 33434.0,
  "summary_fg_p05": 19099.7767578125,
  "summary_fg_p95": 31984.4357421875,
  "summary_fg_stdv": 4083.189453125,
  "tsnr": 89.511962890625
}