{
  "aor": 0.001107654320987654,
  "aqi": 0.003637831419753086,
  "bids_meta": {
    "AcquisitionNumber": 8,
    "BidsifyVersion": "0.3.5",
    "ConversionSoftware": "dcm2niix",
    "ConversionSoftwareVersion": "v1.0.20181125  GCC6.3.0",
    "EchoTime": 0.02762,
    "EffectiveEchoSpacing": 0.0006621159151938905,
    "ImageComments": "Piop",
    "ImageOrientationPatientDICOM": [
      0.997508,
      -0.0678155,
      0.0194794,
      0.0702774,
      0.979516,
      -0.188707
    ],
    "Manufacturer": "Philips",
    "NumberOfVolumesDiscardedByScanner": 2,
    "ParallelAcquisitionTechnique": "SENSE",
    "ParallelReductionFactorInPlane": 2,
    "PatientPosition": "HFS",
    "PhaseEncodingDirection": "j",
    "PhilipsRescaleIntercept": 0,
    "PhilipsRescaleSlope": 0.79048,
    "PhilipsScaleSlope": 0.0576627,
    "ProtocolName": "WIPpiopwmSENSE",
    "PulseSequenceType": "gradient echo EPI",
    "ReconMatrixPE": 80,
    "RepetitionTime": 2,
    "SeriesDescription": "ImageMRSERIES",
    "SeriesNumber": 8,
    "SliceEncodingDirection": "k",
    "SliceTiming": [
      0.0,
      0.0541,
      0.1081,
      0.1622,
      0.2162,
      0.2703,
      0.3243,
      0.3784,
      0.4324,
      0.4865,
      0.5405,
      0.5946,
      0.6486,
      0.7027,
      0.7568,
      0.8108,
      0.8649,
      0.9189,
      0.973,
      1.027,
      1.0811,
      1.1351,
      1.1892,
      1.2432,
      1.2973,
      1.3514,
      1.4054,
      1.4595,
      1.5135,
      1.5676,
      1.6216,
      1.6757,
      1.7297,
      1.7838,
      1.8378,
      1.8919,
      1.9459
    ],
    "TaskName": "workingmemory",
    "TotalReadoutTime": 0.025822520692561732,
    "UsePhilipsFloatNotDisplayScaling": 1,
    "acq_id": "seq",
    "dataset": "ds002785",
    "modality": "bold",
    "subject_id": "0059",
    "task_id": "workingmemory"
  },
  "dummy_trs": 0,
  "dvars_nstd": 21.127855698012418,
  "dvars_std": 1.3152804152173916,
  "dvars_vstd": 1.0123915005590058,
  "efc": 0.4144206148480061,
  "fber": 174529.71875,
  "fd_mean": 0.10477830472695898,
  "fd_num": 3,
  "fd_perc": 1.8518518518518519,
  "fwhm_avg": 1.8375744529257239,
  "fwhm_x": 1.8131700000000002,
  "fwhm_y": 1.9386866666666667,
  "fwhm_z": 1.7608666921105052,
  "gcor": 0.0319843,
  "gsr_x": -0.017146574333310127,
  "gsr_y": 0.01227519754320383,
  "provenance": {
    "md5sum": "af07bec11871bfa68c07214aed08e8b5",
    "settings": {
      "fd_thres": 0.2,
      "testing": false
    },
    "software": "mriqc",
    "version": "22.0.0rc1",
    "webapi_port": null,
    "webapi_url": "https://mriqc.nimh.nih.gov/api/v1"
  },
  "size_t": 162,
  "size_x": 80,
  "size_y": 80,
  "size_z": 37,
  "snr": 5.810756274334003,
  "spacing_tr": 2.0,
  "spacing_x": 3.0,
  "spacing_y": 3.0,
  "spacing_z": 3.299999952316284,
  "summary_bg_k": 70.77728863079922,
  "summary_bg_mad": 55.852750446662085,
  "summary_bg_mean": 541.9148559570312,
  "summary_bg_median": 58.62797927856445,
  "summary_bg_n": 162009.0,
  "summary_bg_p05": 4.356073665618896,
  "summary_bg_p95": 2673.9358398437503,
  "summary_bg_stdv": 1841.5399169921875,
  "summary_fg_k": 1.376029893004307,
  "summary_fg_mad": 4046.79316033935,
  "summary_fg_mean": 25428.81640625,
  "summary_fg_median": 25124.09375,
  "summary_fg_n": 33464.0,
  "summary_fg_p05": 18966.836328125,
  "summary_fg_p95": 32593.6908203125,
  "summary_fg_stdv": 4323.6572265625,
  "tsnr": 90.44434356689453
}