{
  "aor": 0.0007240816326530612,
  "aqi": 0.003686462326530612,
  "bids_meta": {
    "AcquisitionNumber": 3,
    "BidsifyVersion": "0.3.5",
    "ConversionSoftware": "dcm2niix",
    "ConversionSoftwareVersion": "v1.0.20181125  GCC6.3.0",
    "EchoTime": 0.02762,
    "EffectiveEchoSpacing": 0.0006621159151938905,
    "ImageComments": "Piop",
    "ImageOrientationPatientDICOM": [
      0.997508,
      -0.0678155,
      0.0194794,
      0.0702774,
      0.979516,
      -0.188707
    ],
    "Manufacturer": "Philips",
    "NumberOfVolumesDiscardedByScanner": 2,
    "ParallelAcquisitionTechnique": "SENSE",
    "ParallelReductionFactorInPlane": 2,
    "PatientPosition": "HFS",
    "PhaseEncodingDirection": "j",
    "PhilipsRescaleIntercept": 0,
    "PhilipsRescaleSlope": 0.76703,
    "PhilipsScaleSlope": 0.0595151,
    "ProtocolName": "WIPpiopgstroopSENSE",
    "PulseSequenceType": "gradient echo EPI",
    "ReconMatrixPE": 80,
    "RepetitionTime": 2,
    "SeriesDescription": "ImageMRSERIES",
    "SeriesNumber": 3,
    "SliceEncodingDirection": "k",
    "SliceTiming": [
      0.0,
      0.0541,
      0.1081,
      0.1622,
      0.2162,
      0.2703,
      0.3243,
      0.3784,
      0.4324,
      0.4865,
      0.5405,
      0.5946,
      0.6486,
      0.7027,
      0.7568,
      0.8108,
      0.8649,
      0.9189,
      0.973,
      1.027,
      1.0811,
      1.1351,
      1.1892,
      1.2432,
      1.2973,
      1.3514,
      1.4054,
      1.4595,
      1.5135,
      1.5676,
      1.6216,
      1.6757,
      1.7297,
      1.7838,
      1.8378,
      1.8919,
      1.9459
    ],
    "TaskName": "gstroop",
    "TotalReadoutTime": 0.025822520692561732,
    "UsePhilipsFloatNotDisplayScaling": 1,
    "acq_id": "seq",
    "dataset": "ds002785",
    "modality": "bold",
    "subject_id": "0059",
    "task_id": "gstroop"
  },
  "dummy_trs": 0,
  "dvars_nstd": 18.927866669959005,
  "dvars_std": 1.2342652886475414,
  "dvars_vstd": 1.000096669713115,
  "efc": 0.4138263909764189,
  "fber": 171188.046875,
  "fd_mean": 0.07891438330519783,
  "fd_num": 1,
  "fd_perc": 0.40816326530612246,
  "fwhm_avg": 1.7735963718063779,
  "fwhm_x": 1.75561,
  "fwhm_y": 1.8689366666666667,
  "fwhm_z": 1.6962424487524674,
  "gcor": 0.0220805,
  "gsr_x": -0.017408600077033043,
  "gsr_y": 0.013125183992087841,
  "provenance": {
    "md5sum": "101694fef5a4e0aeb84726f80392c8e5",
    "settings": {
      "fd_thres": 0.2,
      "testing": false
    },
    "software": "mriqc",
    "version": "22.0.0rc1",
    "webapi_port": null,
    "webapi_url": "https://mriqc.nimh.nih.gov/api/v1"
  },
  "size_t": 245,
  "size_x": 80,
  "size_y": 80,
  "size_z": 37,
  "snr": 6.127250010564973,
  "spacing_tr": 2.0,
  "spacing_x": 3.0,
  "spacing_y": 3.0,
  "spacing_z": 3.299999952316284,
  "summary_bg_k": 79.07827076228868,
  "summary_bg_mad": 56.1329497329758,
  "summary_bg_mean": 528.8208618164062,
  "summary_bg_median": 59.345726013183594,
  "summary_bg_n": 162034.0,
  "summary_bg_p05": 4.627947306632996,
  "summary_bg_p95": 2561.594067382813,
  "summary_bg_stdv": 1838.640380859375,
  "summary_fg_k": 1.4339277344067263,
  "summary_fg_mad": 3891.836614992121,
  "summary_fg_mean": 25420.40234375,
  "summary_fg_median": 25143.833984375,
  "summary_fg_n": 33405.0,
  "summary_fg_p05": 19307.7609375,
  "summary_fg_p95": 32194.280078124997,
  "summary_fg_stdv": 4103.546875,
  "tsnr": 92.63383483886719
}