{
  "aor": 0.00024016771488469602,
  "aqi": 0.007990750796645702,
  "bids_meta": {
    "AcquisitionNumber": 6,
    "BidsifyVersion": "0.3.5",
    "ConversionSoftware": "dcm2niix",
    "ConversionSoftwareVersion": "v1.0.20181125  GCC6.3.0",
    "EchoTime": 0.02762,
    "EffectiveEchoSpacing": 0.0006333282667071997,
    "ImageComments": "Piop",
    "ImageOrientationPatientDICOM": [
      0.997508,
      -0.0678155,
      0.0194794,
      0.0702774,
      0.979516,
      -0.188707
    ],
    "Manufacturer": "Philips",
    "NumberOfVolumesDiscardedByScanner": 2,
    "ParallelAcquisitionTechnique": "SENSE",
    "ParallelReductionFactorInPlane": 2,
    "PatientPosition": "HFS",
    "PhaseEncodingDirection": "j",
    "PhilipsRescaleIntercept": 0,
    "PhilipsRescaleSlope": 0.82515,
    "PhilipsScaleSlope": 0.0972636,
    "ProtocolName": "WIPpioprsSENSE",
    "PulseSequenceType": "gradient echo EPI",
    "ReconMatrixPE": 80,
    "RepetitionTime": 0.75,
    "SeriesDescription": "ImageMRSERIES",
    "SeriesNumber": 6,
    "SliceEncodingDirection": "k",
    "SliceTiming": [
      0.0,
      0.06755050505050506,
      0.1351010101010101,
      0.20265151515151517,
      0.2702020202020202,
      0.3377525252525253,
      0.40530303030303033,
      0.47285353535353536,
      0.5404040404040404,
      0.6079545454545455,
      0.6755050505050506,
      0.7430555555555556,
      0.0,
      0.06755050505050506,
      0.1351010101010101,
      0.20265151515151517,
      0.2702020202020202,
      0.3377525252525253,
      0.40530303030303033,
      0.47285353535353536,
      0.5404040404040404,
      0.6079545454545455,
      0.6755050505050506,
      0.7430555555555556,
      0.0,
      0.06755050505050506,
      0.1351010101010101,
      0.20265151515151517,
      0.2702020202020202,
      0.3377525252525253,
      0.40530303030303033,
      0.47285353535353536,
      0.5404040404040404,
      0.6079545454545455,
      0.6755050505050506,
      0.7430555555555556
    ],
    "TaskName": "restingstate",
    "TotalReadoutTime": 0.024699802401580786,
    "UsePhilipsFloatNotDisplayScaling": 1,
    "acq_id": "mb3",
    "dataset": "ds002785",
    "modality": "bold",
    "subject_id": "0059",
    "task_id": "restingstate"
  },
  "dummy_trs": 3,
  "dvars_nstd": 27.43849942266806,
  "dvars_std": 1.1999194575000003,
  "dvars_vstd": 0.9951279368697464,
  "efc": 0.41878160247390456,
  "fber": 176182.703125,
  "fd_mean": 0.07405574615588885,
  "fd_num": 0,
  "fd_perc": 0.0,
  "fwhm_avg": 1.8559198064863132,
  "fwhm_x": 1.83566,
  "fwhm_y": 1.9659933333333333,
  "fwhm_z": 1.7661060861256062,
  "gcor": 0.0130744,
  "gsr_x": -0.017643224447965622,
  "gsr_y": 0.011103549972176552,
  "provenance": {
    "md5sum": "79eb193fdd4fa9a2bcd0e44080e5ecef",
    "settings": {
      "fd_thres": 0.2,
      "testing": false
    },
    "software": "mriqc",
    "version": "22.0.0rc1",
    "webapi_port": null,
    "webapi_url": "https://mriqc.nimh.nih.gov/api/v1"
  },
  "size_t": 477,
  "size_x": 80,
  "size_y": 80,
  "size_z": 36,
  "snr": 7.08175192972046,
  "spacing_tr": 0.75,
  "spacing_x": 3.0,
  "spacing_y": 3.0,
  "spacing_z": 3.299999952316284,
  "summary_bg_k": 54.84556080356972,
  "summary_bg_mad": 39.879970137524694,
  "summary_bg_mean": 353.0162048339844,
  "summary_bg_median": 38.5144157409668,
  "summary_bg_n": 157009.0,
  "summary_bg_p05": 2.0254168033599855,
  "summary_bg_p95": 1759.5963134765664,
  "summary_bg_stdv": 1148.7164306640625,
  "summary_fg_k": 1.3934711889617404,
  "summary_fg_mad": 2159.5983522381803,
  "summary_fg_mean": 16563.298828125,
  "summary_fg_median": 16574.564453125,
  "summary_fg_n": 32741.0,
  "summary_fg_p05": 12820.2978515625,
  "summary_fg_p95": 20335.580078125,
  "summary_fg_stdv": 2340.42529296875,
  "tsnr": 60.6043815612793
}