{
  "aor": 0.0013184444444444444,
  "aqi": 0.0034503596296296297,
  "bids_meta": {
    "AcquisitionNumber": 5,
    "BidsifyVersion": "0.3.5",
    "ConversionSoftware": "dcm2niix",
    "ConversionSoftwareVersion": "v1.0.20181125  GCC6.3.0",
    "EchoTime": 0.02762,
    "EffectiveEchoSpacing": 0.0006621159151938905,
    "ImageComments": "Piop",
    "ImageOrientationPatientDICOM": [
      0.997508,
      -0.0678155,
      0.0194794,
      0.0702774,
      0.979516,
      -0.188707
    ],
    "Manufacturer": "Philips",
    "NumberOfVolumesDiscardedByScanner": 2,
    "ParallelAcquisitionTechnique": "SENSE",
    "ParallelReductionFactorInPlane": 2,
    "PatientPosition": "HFS",
    "PhaseEncodingDirection": "j",
    "PhilipsRescaleIntercept": 0,
    "PhilipsRescaleSlope": 0.7685,
    "PhilipsScaleSlope": 0.0619147,
    "ProtocolName": "WIPpiopharririSENSE",
    "PulseSequenceType": "gradient echo EPI",
    "ReconMatrixPE": 80,
    "RepetitionTime": 2,
    "SeriesDescription": "ImageMRSERIES",
    "SeriesNumber": 5,
    "SliceEncodingDirection": "k",
    "SliceTiming": [
      0.0,
      0.0541,
      0.1081,
      0.1622,
      0.2162,
      0.2703,
      0.3243,
      0.3784,
      0.4324,
      0.4865,
      0.5405,
      0.5946,
      0.6486,
      0.7027,
      0.7568,
      0.8108,
      0.8649,
      0.9189,
      0.973,
      1.027,
      1.0811,
      1.1351,
      1.1892,
      1.2432,
      1.2973,
      1.3514,
      1.4054,
      1.4595,
      1.5135,
      1.5676,
      1.6216,
      1.6757,
      1.7297,
      1.7838,
      1.8378,
      1.8919,
      1.9459
    ],
    "TaskName": "emomatching",
    "TotalReadoutTime": 0.025822520692561732,
    "UsePhilipsFloatNotDisplayScaling": 1,
    "acq_id": "seq",
    "dataset": "ds002785",
    "modality": "bold",
    "subject_id": "0059",
    "task_id": "emomatching"
  },
  "dummy_trs": 0,
  "dvars_nstd": 18.422361331044772,
  "dvars_std": 1.2356806416417911,
  "dvars_vstd": 1.0139133544776113,
  "efc": 0.4143011376187254,
  "fber": 175917.296875,
  "fd_mean": 0.08906033226101197,
  "fd_num": 2,
  "fd_perc": 1.4814814814814814,
  "fwhm_avg": 1.793379099176487,
  "fwhm_x": 1.7767633333333333,
  "fwhm_y": 1.8869133333333332,
  "fwhm_z": 1.7164606308627943,
  "gcor": 0.0203127,
  "gsr_x": -0.01731351763010025,
  "gsr_y": 0.012947016395628452,
  "provenance": {
    "md5sum": "add320b04e5e1c355819454ea5aa05c1",
    "settings": {
      "fd_thres": 0.2,
      "testing": false
    },
    "software": "mriqc",
    "version": "22.0.0rc1",
    "webapi_port": null,
    "webapi_url": "https://mriqc.nimh.nih.gov/api/v1"
  },
  "size_t": 135,
  "size_x": 80,
  "size_y": 80,
  "size_z": 37,
  "snr": 6.046716749153556,
  "spacing_tr": 2.0,
  "spacing_x": 3.0,
  "spacing_y": 3.0,
  "spacing_z": 3.299999952316284,
  "summary_bg_k": 73.01909217587882,
  "summary_bg_mad": 53.56470465365319,
  "summary_bg_mean": 532.8987426757812,
  "summary_bg_median": 58.406105041503906,
  "summary_bg_n": 162070.0,
  "summary_bg_p05": 4.660249352455141,
  "summary_bg_p95": 2628.7712524414023,
  "summary_bg_stdv": 1817.758544921875,
  "summary_fg_k": 1.3420938774580184,
  "summary_fg_mad": 3926.5981351719074,
  "summary_fg_mean": 25359.478515625,
  "summary_fg_median": 25092.41015625,
  "summary_fg_n": 33452.0,
  "summary_fg_p05": 19126.71962890625,
  "summary_fg_p95": 32234.806640625,
  "summary_fg_stdv": 4149.69580078125,
  "tsnr": 95.4716796875
}