{
  "aor": 0.0010112368972746333,
  "aqi": 0.00918688924528302,
  "bids_meta": {
    "AcquisitionNumber": 8,
    "BidsifyVersion": "0.3.5",
    "ConversionSoftware": "dcm2niix",
    "ConversionSoftwareVersion": "v1.0.20181125  GCC6.3.0",
    "EchoTime": 0.02762,
    "EffectiveEchoSpacing": 0.0006333282667071997,
    "ImageComments": "PIOP",
    "ImageOrientationPatientDICOM": [
      0.999703,
      -0.00529938,
      0.0237999,
      0.0062814,
      0.999124,
      -0.0413782
    ],
    "Manufacturer": "Philips",
    "NumberOfVolumesDiscardedByScanner": 2,
    "ParallelAcquisitionTechnique": "SENSE",
    "ParallelReductionFactorInPlane": 2,
    "PatientPosition": "HFS",
    "PhaseEncodingDirection": "j",
    "PhilipsRescaleIntercept": 0,
    "PhilipsRescaleSlope": 0.77338,
    "PhilipsScaleSlope": 0.103245,
    "ProtocolName": "WIPpioprsSENSE",
    "PulseSequenceType": "gradient echo EPI",
    "ReconMatrixPE": 80,
    "RepetitionTime": 0.75,
    "SeriesDescription": "ImageMRSERIES",
    "SeriesNumber": 8,
    "SliceEncodingDirection": "k",
    "SliceTiming": [
      0.0,
      0.06755050505050506,
      0.1351010101010101,
      0.20265151515151517,
      0.2702020202020202,
      0.3377525252525253,
      0.40530303030303033,
      0.47285353535353536,
      0.5404040404040404,
      0.6079545454545455,
      0.6755050505050506,
      0.7430555555555556,
      0.0,
      0.06755050505050506,
      0.1351010101010101,
      0.20265151515151517,
      0.2702020202020202,
      0.3377525252525253,
      0.40530303030303033,
      0.47285353535353536,
      0.5404040404040404,
      0.6079545454545455,
      0.6755050505050506,
      0.7430555555555556,
      0.0,
      0.06755050505050506,
      0.1351010101010101,
      0.20265151515151517,
      0.2702020202020202,
      0.3377525252525253,
      0.40530303030303033,
      0.47285353535353536,
      0.5404040404040404,
      0.6079545454545455,
      0.6755050505050506,
      0.7430555555555556
    ],
    "TaskName": "restingstate",
    "TotalReadoutTime": 0.024699802401580786,
    "UsePhilipsFloatNotDisplayScaling": 1,
    "acq_id": "mb3",
    "dataset": "ds002785",
    "modality": "bold",
    "subject_id": "0089",
    "task_id": "restingstate"
  },
  "dummy_trs": 3,
  "dvars_nstd": 31.42245529493699,
  "dvars_std": 1.135477127457984,
  "dvars_vstd": 1.0088134895588228,
  "efc": 0.4339520269615189,
  "fber": 146266.546875,
  "fd_mean": 0.10896066012387254,
  "fd_num": 28,
  "fd_perc": 5.870020964360587,
  "fwhm_avg": 2.0920965750252267,
  "fwhm_x": 2.1423566666666667,
  "fwhm_y": 2.18883,
  "fwhm_z": 1.9451030584090128,
  "gcor": 0.0111172,
  "gsr_x": -0.024382513016462326,
  "gsr_y": 0.021771930158138275,
  "provenance": {
    "md5sum": "d44750c28c3eeb0ae86cef06fa09b50e",
    "settings": {
      "fd_thres": 0.2,
      "testing": false
    },
    "software": "mriqc",
    "version": "22.0.0rc1",
    "webapi_port": null,
    "webapi_url": "https://mriqc.nimh.nih.gov/api/v1"
  },
  "size_t": 477,
  "size_x": 80,
  "size_y": 80,
  "size_z": 36,
  "snr": 4.894462417755351,
  "spacing_tr": 0.75,
  "spacing_x": 3.0,
  "spacing_y": 3.0,
  "spacing_z": 3.299999952316284,
  "summary_bg_k": 60.37491804939558,
  "summary_bg_mad": 47.343124476776914,
  "summary_bg_mean": 401.8510437011719,
  "summary_bg_median": 40.09974670410156,
  "summary_bg_n": 154287.0,
  "summary_bg_p05": 1.5903623580932618,
  "summary_bg_p95": 2106.5181396484327,
  "summary_bg_stdv": 1096.669189453125,
  "summary_fg_k": 0.38847246923817336,
  "summary_fg_mad": 3168.102315033391,
  "summary_fg_mean": 15904.25390625,
  "summary_fg_median": 15836.8603515625,
  "summary_fg_n": 35201.0,
  "summary_fg_p05": 10689.951171875,
  "summary_fg_p95": 21237.421875,
  "summary_fg_stdv": 3235.623046875,
  "tsnr": 44.31299591064453
}