{
  "bids_meta": {
    "AcquisitionNumber": 4,
    "BidsifyVersion": "0.3.5",
    "ConversionSoftware": "dcm2niix",
    "ConversionSoftwareVersion": "v1.0.20181125  GCC6.3.0",
    "EchoTime": 0.00374,
    "ImageComments": "piop",
    "ImageOrientationPatientDICOM": [
      0.999424,
      0.0318723,
      0.0116266,
      -0.0315828,
      0.999206,
      -0.0242881
    ],
    "Manufacturer": "Philips",
    "PatientPosition": "HFS",
    "PhilipsRescaleIntercept": 0,
    "PhilipsRescaleSlope": 8.88205,
    "PhilipsScaleSlope": 0.00731627,
    "ProtocolName": "WIPt13dSENSE",
    "ReconMatrixPE": 240,
    "RepetitionTime": 0.008148,
    "SeriesDescription": "ImageMRSERIES",
    "SeriesNumber": 4,
    "UsePhilipsFloatNotDisplayScaling": 1,
    "dataset": "ds002785",
    "modality": "T1w",
    "subject_id": "0183"
  },
  "cjv": 0.32813170411340326,
  "cnr": 3.830261161401163,
  "efc": 0.7713351165112942,
  "fber": 597.748291015625,
  "fwhm_avg": 3.6373434107798386,
  "fwhm_x": 3.57032,
  "fwhm_y": 3.8980102323395154,
  "fwhm_z": 3.4437,
  "icvs_csf": 0.2152058005413537,
  "icvs_gm": 0.41160773869547856,
  "icvs_wm": 0.37318646076316775,
  "inu_med": 1.087402582168579,
  "inu_range": 0.3804223984479904,
  "provenance": {
    "md5sum": "bc3f7235c046305932976e03e721a4e1",
    "settings": {
      "testing": false
    },
    "software": "mriqc",
    "version": "22.0.0rc1",
    "warnings": {
      "large_rot_frame": true,
      "small_air_mask": true
    },
    "webapi_port": null,
    "webapi_url": "https://mriqc.nimh.nih.gov/api/v1"
  },
  "qi_1": 4.4434777931350605e-05,
  "qi_2": 0.00013958007484698583,
  "rpve_csf": 24.981052635769867,
  "rpve_gm": 13.749568569369417,
  "rpve_wm": 19.86882903907408,
  "size_x": 240,
  "size_y": 240,
  "size_z": 220,
  "snr_csf": 2.6379644666361064,
  "snr_gm": 7.371101076711151,
  "snr_total": 10.060717596152083,
  "snr_wm": 20.17308724510899,
  "snrd_csf": 22.061880964087113,
  "snrd_gm": 38.42401683340586,
  "snrd_total": 40.762918534317194,
  "snrd_wm": 61.80285780545861,
  "spacing_x": 1.0,
  "spacing_y": 0.9999999403953552,
  "spacing_z": 1.0,
  "summary_bg_k": 81.85209911182778,
  "summary_bg_mad": 10.600378716122119,
  "summary_bg_mean": 14.408404350280762,
  "summary_bg_median": 14.273117065429688,
  "summary_bg_n": 220816.0,
  "summary_bg_p05": 0.0,
  "summary_bg_p95": 36.044453620910645,
  "summary_bg_stdv": 13.516362190246582,
  "summary_csf_k": 7.546505931312616,
  "summary_csf_mad": 127.26380903589846,
  "summary_csf_mean": 330.4569396972656,
  "summary_csf_median": 356.97039794921875,
  "summary_csf_n": 7522.0,
  "summary_csf_p05": 100.4150619506836,
  "summary_csf_p95": 499.27501525878904,
  "summary_csf_stdv": 135.3114013671875,
  "summary_gm_k": 0.3050894906484989,
  "summary_gm_mad": 80.35619867802365,
  "summary_gm_mean": 626.3023681640625,
  "summary_gm_median": 621.716552734375,
  "summary_gm_n": 19382.0,
  "summary_gm_p05": 495.52529296875,
  "summary_gm_p95": 774.1090454101565,
  "summary_gm_stdv": 84.34296417236328,
  "summary_wm_k": 1.2683942692710222,
  "summary_wm_mad": 43.769251663959906,
  "summary_wm_mean": 996.4251708984375,
  "summary_wm_median": 999.9959106445312,
  "summary_wm_n": 226525.0,
  "summary_wm_p05": 908.7050415039063,
  "summary_wm_p95": 1070.1447265625,
  "summary_wm_stdv": 49.570682525634766,
  "tpm_overlap_csf": 0.1652812510728836,
  "tpm_overlap_gm": 0.4426022469997406,
  "tpm_overlap_wm": 0.5015402436256409,
  "wm2max": 0.631686238972927
}