{
  "aor": 0.0020365925925925924,
  "aqi": 0.00355868325925926,
  "bids_meta": {
    "AcquisitionNumber": 5,
    "BidsifyVersion": "0.3.5",
    "ConversionSoftware": "dcm2niix",
    "ConversionSoftwareVersion": "v1.0.20181125  GCC6.3.0",
    "EchoTime": 0.02762,
    "EffectiveEchoSpacing": 0.0006621159151938905,
    "ImageComments": "piop",
    "ImageOrientationPatientDICOM": [
      0.9996,
      -0.00730445,
      -0.0273128,
      -0.000348926,
      0.962789,
      -0.270255
    ],
    "Manufacturer": "Philips",
    "NumberOfVolumesDiscardedByScanner": 2,
    "ParallelAcquisitionTechnique": "SENSE",
    "ParallelReductionFactorInPlane": 2,
    "PatientPosition": "HFS",
    "PhaseEncodingDirection": "j",
    "PhilipsRescaleIntercept": 0,
    "PhilipsRescaleSlope": 0.75018,
    "PhilipsScaleSlope": 0.0506351,
    "ProtocolName": "WIPpiopharririSENSE",
    "PulseSequenceType": "gradient echo EPI",
    "ReconMatrixPE": 80,
    "RepetitionTime": 2,
    "SeriesDescription": "ImageMRSERIES",
    "SeriesNumber": 5,
    "SliceEncodingDirection": "k",
    "SliceTiming": [
      0.0,
      0.0541,
      0.1081,
      0.1622,
      0.2162,
      0.2703,
      0.3243,
      0.3784,
      0.4324,
      0.4865,
      0.5405,
      0.5946,
      0.6486,
      0.7027,
      0.7568,
      0.8108,
      0.8649,
      0.9189,
      0.973,
      1.027,
      1.0811,
      1.1351,
      1.1892,
      1.2432,
      1.2973,
      1.3514,
      1.4054,
      1.4595,
      1.5135,
      1.5676,
      1.6216,
      1.6757,
      1.7297,
      1.7838,
      1.8378,
      1.8919,
      1.9459
    ],
    "TaskName": "emomatching",
    "TotalReadoutTime": 0.025822520692561732,
    "UsePhilipsFloatNotDisplayScaling": 1,
    "acq_id": "seq",
    "dataset": "ds002785",
    "modality": "bold",
    "subject_id": "0157",
    "task_id": "emomatching"
  },
  "dummy_trs": 0,
  "dvars_nstd": 17.117348635820893,
  "dvars_std": 1.1252863075373134,
  "dvars_vstd": 1.0107086852985077,
  "efc": 0.4200227468531773,
  "fber": 170310.84375,
  "fd_mean": 0.129810161778057,
  "fd_num": 15,
  "fd_perc": 11.11111111111111,
  "fwhm_avg": 2.321415869091164,
  "fwhm_x": 2.1142966666666667,
  "fwhm_y": 2.66886,
  "fwhm_z": 2.1810909406068246,
  "gcor": 0.0260727,
  "gsr_x": -0.02706598863005638,
  "gsr_y": 0.02418937161564827,
  "provenance": {
    "md5sum": "0dd8ae062b202467a26fc53106c6f82e",
    "settings": {
      "fd_thres": 0.2,
      "testing": false
    },
    "software": "mriqc",
    "version": "22.0.0rc1",
    "webapi_port": null,
    "webapi_url": "https://mriqc.nimh.nih.gov/api/v1"
  },
  "size_t": 135,
  "size_x": 80,
  "size_y": 80,
  "size_z": 37,
  "snr": 3.930551202111441,
  "spacing_tr": 2.0,
  "spacing_x": 3.0,
  "spacing_y": 3.0,
  "spacing_z": 3.299999952316284,
  "summary_bg_k": 92.39112211494434,
  "summary_bg_mad": 61.15508206974382,
  "summary_bg_mean": 599.1670532226562,
  "summary_bg_median": 63.87153244018555,
  "summary_bg_n": 159819.0,
  "summary_bg_p05": 6.128630685806276,
  "summary_bg_p95": 3127.5025634765634,
  "summary_bg_stdv": 1951.4287109375,
  "summary_fg_k": 2.2930340019376736,
  "summary_fg_mad": 5054.909098335185,
  "summary_fg_mean": 28308.0234375,
  "summary_fg_median": 27024.931640625,
  "summary_fg_n": 35847.0,
  "summary_fg_p05": 20120.730078125,
  "summary_fg_p95": 45053.91132812499,
  "summary_fg_stdv": 6875.5126953125,
  "tsnr": 85.68658447265625
}