{
  "aor": 0.00236465306122449,
  "aqi": 0.0036964662040816325,
  "bids_meta": {
    "AcquisitionNumber": 3,
    "BidsifyVersion": "0.3.5",
    "ConversionSoftware": "dcm2niix",
    "ConversionSoftwareVersion": "v1.0.20181125  GCC6.3.0",
    "EchoTime": 0.02762,
    "EffectiveEchoSpacing": 0.0006621159151938905,
    "ImageComments": "piop",
    "ImageOrientationPatientDICOM": [
      0.9996,
      -0.00730445,
      -0.0273128,
      -0.000348926,
      0.962789,
      -0.270255
    ],
    "Manufacturer": "Philips",
    "NumberOfVolumesDiscardedByScanner": 2,
    "ParallelAcquisitionTechnique": "SENSE",
    "ParallelReductionFactorInPlane": 2,
    "PatientPosition": "HFS",
    "PhaseEncodingDirection": "j",
    "PhilipsRescaleIntercept": 0,
    "PhilipsRescaleSlope": 0.75238,
    "PhilipsScaleSlope": 0.0496521,
    "ProtocolName": "WIPpiopgstroopSENSE",
    "PulseSequenceType": "gradient echo EPI",
    "ReconMatrixPE": 80,
    "RepetitionTime": 2,
    "SeriesDescription": "ImageMRSERIES",
    "SeriesNumber": 3,
    "SliceEncodingDirection": "k",
    "SliceTiming": [
      0.0,
      0.0541,
      0.1081,
      0.1622,
      0.2162,
      0.2703,
      0.3243,
      0.3784,
      0.4324,
      0.4865,
      0.5405,
      0.5946,
      0.6486,
      0.7027,
      0.7568,
      0.8108,
      0.8649,
      0.9189,
      0.973,
      1.027,
      1.0811,
      1.1351,
      1.1892,
      1.2432,
      1.2973,
      1.3514,
      1.4054,
      1.4595,
      1.5135,
      1.5676,
      1.6216,
      1.6757,
      1.7297,
      1.7838,
      1.8378,
      1.8919,
      1.9459
    ],
    "TaskName": "gstroop",
    "TotalReadoutTime": 0.025822520692561732,
    "UsePhilipsFloatNotDisplayScaling": 1,
    "acq_id": "seq",
    "dataset": "ds002785",
    "modality": "bold",
    "subject_id": "0157",
    "task_id": "gstroop"
  },
  "dummy_trs": 0,
  "dvars_nstd": 16.526529370860644,
  "dvars_std": 1.1072259692213113,
  "dvars_vstd": 1.0012649976229513,
  "efc": 0.418553383697147,
  "fber": 169745.375,
  "fd_mean": 0.12643848646480071,
  "fd_num": 16,
  "fd_perc": 6.530612244897959,
  "fwhm_avg": 2.3462402126674493,
  "fwhm_x": 2.12806,
  "fwhm_y": 2.7001000000000004,
  "fwhm_z": 2.210560638002347,
  "gcor": 0.0197328,
  "gsr_x": -0.027003394439816475,
  "gsr_y": 0.024635162204504013,
  "provenance": {
    "md5sum": "9ee60275cfb9148c7cda50c71fa01567",
    "settings": {
      "fd_thres": 0.2,
      "testing": false
    },
    "software": "mriqc",
    "version": "22.0.0rc1",
    "webapi_port": null,
    "webapi_url": "https://mriqc.nimh.nih.gov/api/v1"
  },
  "size_t": 245,
  "size_x": 80,
  "size_y": 80,
  "size_z": 37,
  "snr": 3.8419729160540657,
  "spacing_tr": 2.0,
  "spacing_x": 3.0,
  "spacing_y": 3.0,
  "spacing_z": 3.299999952316284,
  "summary_bg_k": 104.84627084833383,
  "summary_bg_mad": 60.87574810226033,
  "summary_bg_mean": 588.233154296875,
  "summary_bg_median": 64.04490661621094,
  "summary_bg_n": 159820.0,
  "summary_bg_p05": 6.342210268974305,
  "summary_bg_p95": 2986.5485229492183,
  "summary_bg_stdv": 1964.13232421875,
  "summary_fg_k": 2.4405447357668724,
  "summary_fg_mad": 5084.037019655396,
  "summary_fg_mean": 28531.4296875,
  "summary_fg_median": 27168.99609375,
  "summary_fg_n": 35790.0,
  "summary_fg_p05": 20337.73701171875,
  "summary_fg_p95": 46050.50878906249,
  "summary_fg_stdv": 7071.52734375,
  "tsnr": 84.6270751953125
}