{
  "aor": 0.00036701219512195126,
  "aqi": 0.0057215027134146345,
  "bids_meta": {
    "AcquisitionNumber": 2,
    "BidsifyVersion": "0.3.5",
    "ConversionSoftware": "dcm2niix",
    "ConversionSoftwareVersion": "v1.0.20181125  GCC6.3.0",
    "EchoTime": 0.02762,
    "EffectiveEchoSpacing": 0.0006333282667071997,
    "ImageComments": "piop",
    "ImageOrientationPatientDICOM": [
      0.9996,
      -0.00730445,
      -0.0273128,
      -0.000348926,
      0.962789,
      -0.270255
    ],
    "Manufacturer": "Philips",
    "NumberOfVolumesDiscardedByScanner": 2,
    "ParallelAcquisitionTechnique": "SENSE",
    "ParallelReductionFactorInPlane": 2,
    "PatientPosition": "HFS",
    "PhaseEncodingDirection": "j",
    "PhilipsRescaleIntercept": 0,
    "PhilipsRescaleSlope": 0.75311,
    "PhilipsScaleSlope": 0.0796841,
    "ProtocolName": "WIPpiopfacesSENSE",
    "PulseSequenceType": "gradient echo EPI",
    "ReconMatrixPE": 80,
    "RepetitionTime": 0.75,
    "SeriesDescription": "ImageMRSERIES",
    "SeriesNumber": 2,
    "SliceEncodingDirection": "k",
    "SliceTiming": [
      0.0,
      0.06755050505050506,
      0.1351010101010101,
      0.20265151515151517,
      0.2702020202020202,
      0.3377525252525253,
      0.40530303030303033,
      0.47285353535353536,
      0.5404040404040404,
      0.6079545454545455,
      0.6755050505050506,
      0.7430555555555556,
      0.0,
      0.06755050505050506,
      0.1351010101010101,
      0.20265151515151517,
      0.2702020202020202,
      0.3377525252525253,
      0.40530303030303033,
      0.47285353535353536,
      0.5404040404040404,
      0.6079545454545455,
      0.6755050505050506,
      0.7430555555555556,
      0.0,
      0.06755050505050506,
      0.1351010101010101,
      0.20265151515151517,
      0.2702020202020202,
      0.3377525252525253,
      0.40530303030303033,
      0.47285353535353536,
      0.5404040404040404,
      0.6079545454545455,
      0.6755050505050506,
      0.7430555555555556
    ],
    "TaskName": "faces",
    "TotalReadoutTime": 0.024699802401580786,
    "UsePhilipsFloatNotDisplayScaling": 1,
    "acq_id": "mb3",
    "dataset": "ds002785",
    "modality": "bold",
    "subject_id": "0157",
    "task_id": "faces"
  },
  "dummy_trs": 2,
  "dvars_nstd": 27.63734097733946,
  "dvars_std": 1.1848787614067282,
  "dvars_vstd": 0.9992967991131498,
  "efc": 0.4279691996090944,
  "fber": 159415.3125,
  "fd_mean": 0.1210673494423196,
  "fd_num": 11,
  "fd_perc": 3.3536585365853657,
  "fwhm_avg": 2.134077181345838,
  "fwhm_x": 1.9866833333333334,
  "fwhm_y": 2.416463333333333,
  "fwhm_z": 1.9990848773708472,
  "gcor": 0.0119254,
  "gsr_x": -0.029043741524219513,
  "gsr_y": 0.024400364607572556,
  "provenance": {
    "md5sum": "33315778923d1341fb0848e6e85abbe0",
    "settings": {
      "fd_thres": 0.2,
      "testing": false
    },
    "software": "mriqc",
    "version": "22.0.0rc1",
    "webapi_port": null,
    "webapi_url": "https://mriqc.nimh.nih.gov/api/v1"
  },
  "size_t": 328,
  "size_x": 80,
  "size_y": 80,
  "size_z": 36,
  "snr": 5.275083065748212,
  "spacing_tr": 0.75,
  "spacing_x": 3.0,
  "spacing_y": 3.0,
  "spacing_z": 3.299999952316284,
  "summary_bg_k": 73.90696419165668,
  "summary_bg_mad": 46.587374522546824,
  "summary_bg_mean": 420.8889465332031,
  "summary_bg_median": 46.326988220214844,
  "summary_bg_n": 154859.0,
  "summary_bg_p05": 3.9172307252883916,
  "summary_bg_p95": 2122.3145507812515,
  "summary_bg_stdv": 1299.7630615234375,
  "summary_fg_k": 1.3986001186089005,
  "summary_fg_mad": 3060.820697274983,
  "summary_fg_mean": 19491.216796875,
  "summary_fg_median": 19113.619140625,
  "summary_fg_n": 35057.0,
  "summary_fg_p05": 14438.785351562501,
  "summary_fg_p95": 26789.547265625,
  "summary_fg_stdv": 3623.326171875,
  "tsnr": 62.498779296875
}