{
  "aor": 0.006779444444444444,
  "aqi": 0.003916758395061728,
  "bids_meta": {
    "AcquisitionNumber": 8,
    "BidsifyVersion": "0.3.5",
    "ConversionSoftware": "dcm2niix",
    "ConversionSoftwareVersion": "v1.0.20181125  GCC6.3.0",
    "EchoTime": 0.02762,
    "EffectiveEchoSpacing": 0.0006621159151938905,
    "ImageComments": "piop",
    "ImageOrientationPatientDICOM": [
      0.9996,
      -0.00730445,
      -0.0273128,
      -0.000348926,
      0.962789,
      -0.270255
    ],
    "Manufacturer": "Philips",
    "NumberOfVolumesDiscardedByScanner": 2,
    "ParallelAcquisitionTechnique": "SENSE",
    "ParallelReductionFactorInPlane": 2,
    "PatientPosition": "HFS",
    "PhaseEncodingDirection": "j",
    "PhilipsRescaleIntercept": 0,
    "PhilipsRescaleSlope": 0.74359,
    "PhilipsScaleSlope": 0.0504085,
    "ProtocolName": "WIPpiopwmSENSE",
    "PulseSequenceType": "gradient echo EPI",
    "ReconMatrixPE": 80,
    "RepetitionTime": 2,
    "SeriesDescription": "ImageMRSERIES",
    "SeriesNumber": 8,
    "SliceEncodingDirection": "k",
    "SliceTiming": [
      0.0,
      0.0541,
      0.1081,
      0.1622,
      0.2162,
      0.2703,
      0.3243,
      0.3784,
      0.4324,
      0.4865,
      0.5405,
      0.5946,
      0.6486,
      0.7027,
      0.7568,
      0.8108,
      0.8649,
      0.9189,
      0.973,
      1.027,
      1.0811,
      1.1351,
      1.1892,
      1.2432,
      1.2973,
      1.3514,
      1.4054,
      1.4595,
      1.5135,
      1.5676,
      1.6216,
      1.6757,
      1.7297,
      1.7838,
      1.8378,
      1.8919,
      1.9459
    ],
    "TaskName": "workingmemory",
    "TotalReadoutTime": 0.025822520692561732,
    "UsePhilipsFloatNotDisplayScaling": 1,
    "acq_id": "seq",
    "dataset": "ds002785",
    "modality": "bold",
    "subject_id": "0157",
    "task_id": "workingmemory"
  },
  "dummy_trs": 0,
  "dvars_nstd": 18.396165533540366,
  "dvars_std": 1.1698271165217387,
  "dvars_vstd": 1.053579069068323,
  "efc": 0.4198415241810074,
  "fber": 170183.203125,
  "fd_mean": 0.14640815355634387,
  "fd_num": 17,
  "fd_perc": 10.493827160493828,
  "fwhm_avg": 2.3593492026023877,
  "fwhm_x": 2.1492,
  "fwhm_y": 2.7108233333333334,
  "fwhm_z": 2.21802427447383,
  "gcor": 0.0392713,
  "gsr_x": -0.027470244094729424,
  "gsr_y": 0.0249759741127491,
  "provenance": {
    "md5sum": "84162b7f363dbfa28e50bcf8bd92bc31",
    "settings": {
      "fd_thres": 0.2,
      "testing": false
    },
    "software": "mriqc",
    "version": "22.0.0rc1",
    "webapi_port": null,
    "webapi_url": "https://mriqc.nimh.nih.gov/api/v1"
  },
  "size_t": 162,
  "size_x": 80,
  "size_y": 80,
  "size_z": 37,
  "snr": 3.8120085301488262,
  "spacing_tr": 2.0,
  "spacing_x": 3.0,
  "spacing_y": 3.0,
  "spacing_z": 3.299999952316284,
  "summary_bg_k": 89.4375269247064,
  "summary_bg_mad": 60.14677354457931,
  "summary_bg_mean": 600.857666015625,
  "summary_bg_median": 63.253318786621094,
  "summary_bg_n": 159836.0,
  "summary_bg_p05": 6.695854425430298,
  "summary_bg_p95": 3174.9808959960938,
  "summary_bg_stdv": 1923.0797119140625,
  "summary_fg_k": 2.290467617711169,
  "summary_fg_mad": 5137.483092208048,
  "summary_fg_mean": 28151.646484375,
  "summary_fg_median": 26807.173828125,
  "summary_fg_n": 35825.0,
  "summary_fg_p05": 19868.868359375,
  "summary_fg_p95": 45488.96484374998,
  "summary_fg_stdv": 7032.1982421875,
  "tsnr": 77.5626220703125
}