{
  "bids_meta": {
    "AcquisitionNumber": 4,
    "BidsifyVersion": "0.3.5",
    "ConversionSoftware": "dcm2niix",
    "ConversionSoftwareVersion": "v1.0.20181125  GCC6.3.0",
    "EchoTime": 0.00372,
    "ImageComments": "Piop",
    "ImageOrientationPatientDICOM": [
      0.999299,
      -0.0296303,
      0.0228983,
      0.0296585,
      0.99956,
      -0.000891881
    ],
    "Manufacturer": "Philips",
    "PatientPosition": "HFS",
    "PhilipsRescaleIntercept": 0,
    "PhilipsRescaleSlope": 8.93968,
    "PhilipsScaleSlope": 0.00772579,
    "ProtocolName": "WIPt13dSENSE",
    "ReconMatrixPE": 240,
    "RepetitionTime": 0.008126,
    "SeriesDescription": "ImageMRSERIES",
    "SeriesNumber": 4,
    "UsePhilipsFloatNotDisplayScaling": 1,
    "dataset": "ds002785",
    "modality": "T1w",
    "subject_id": "0207"
  },
  "cjv": 0.3157912547413066,
  "cnr": 4.202846674886918,
  "efc": 0.7375631196450724,
  "fber": -1.0,
  "fwhm_avg": 4.052596666666667,
  "fwhm_x": 3.99359,
  "fwhm_y": 4.21028,
  "fwhm_z": 3.95392,
  "icvs_csf": 0.2329093512052653,
  "icvs_gm": 0.43043522860807526,
  "icvs_wm": 0.33665542018665945,
  "inu_med": 0.6146084666252136,
  "inu_range": 0.210744795203209,
  "provenance": {
    "md5sum": "ade0b2557b9fe67282761f26f5b5be82",
    "settings": {
      "testing": false
    },
    "software": "mriqc",
    "version": "23.0.1",
    "warnings": {
      "large_rot_frame": true,
      "small_air_mask": true
    },
    "webapi_port": null,
    "webapi_url": "https://mriqc.nimh.nih.gov/api/v1"
  },
  "qi_1": 0.0,
  "qi_2": 0.00010704789800978853,
  "rpve_csf": 25.213288667787314,
  "rpve_gm": 13.948224584933886,
  "rpve_wm": 20.907360054426736,
  "size_x": 240,
  "size_y": 240,
  "size_z": 220,
  "snr_csf": 1.6820338644013604,
  "snr_gm": 7.393071550319138,
  "snr_total": 10.017346731394888,
  "snr_wm": 20.976934779464163,
  "snrd_csf": 16.256996904393866,
  "snrd_gm": 54.27618207126263,
  "snrd_total": 53.55536345531187,
  "snrd_wm": 90.13291139027912,
  "spacing_x": 1.0,
  "spacing_y": 1.0,
  "spacing_z": 1.0,
  "summary_bg_k": 115.90151668889374,
  "summary_bg_mad": 0.0,
  "summary_bg_mean": 2.4389892930398807,
  "summary_bg_median": 0.0,
  "summary_bg_n": 86517.0,
  "summary_bg_p05": 0.0,
  "summary_bg_p95": 18.092218838632107,
  "summary_bg_stdv": 7.268558940735049,
  "summary_csf_k": 0.2239644392031055,
  "summary_csf_mad": 113.0225609730801,
  "summary_csf_mean": 193.2226141219,
  "summary_csf_median": 180.36692847311497,
  "summary_csf_n": 30167.0,
  "summary_csf_p05": 42.15348174422979,
  "summary_csf_p95": 379.8371115434914,
  "summary_csf_stdv": 107.22967164425266,
  "summary_gm_k": -0.0008630914622957953,
  "summary_gm_mad": 81.03666169921145,
  "summary_gm_mean": 603.3325467133798,
  "summary_gm_median": 602.179375872016,
  "summary_gm_n": 31362.0,
  "summary_gm_p05": 469.2189192803577,
  "summary_gm_p95": 738.0549470080063,
  "summary_gm_stdv": 81.45055424325402,
  "summary_wm_k": 0.5692183574102554,
  "summary_wm_mad": 44.5916022048571,
  "summary_wm_mean": 999.2377479392102,
  "summary_wm_median": 999.99996785447,
  "summary_wm_n": 184377.0,
  "summary_wm_p05": 918.8626130372286,
  "summary_wm_p95": 1075.6124865353104,
  "summary_wm_stdv": 47.67127640568627,
  "tpm_overlap_csf": 0.15182225275414765,
  "tpm_overlap_gm": 0.4791982081312,
  "tpm_overlap_wm": 0.5171877307274544,
  "wm2max": 0.7229256217698908
}