{
  "aor": 0.0030621632653061222,
  "aqi": 0.007048608163265306,
  "bids_meta": {
    "AcquisitionNumber": 3,
    "BidsifyVersion": "0.3.5",
    "ConversionSoftware": "dcm2niix",
    "ConversionSoftwareVersion": "v1.0.20181125  GCC6.3.0",
    "EchoTime": 0.02762,
    "EffectiveEchoSpacing": 0.0006621159151938905,
    "ImageComments": "piop",
    "ImageOrientationPatientDICOM": [
      0.999896,
      -0.0144243,
      -0.000558504,
      0.0139621,
      0.976228,
      -0.216298
    ],
    "Manufacturer": "Philips",
    "NumberOfVolumesDiscardedByScanner": 2,
    "ParallelAcquisitionTechnique": "SENSE",
    "ParallelReductionFactorInPlane": 2,
    "PatientPosition": "HFS",
    "PhaseEncodingDirection": "j",
    "PhilipsRescaleIntercept": 0,
    "PhilipsRescaleSlope": 0.76313,
    "PhilipsScaleSlope": 0.0611582,
    "ProtocolName": "WIPpiopgstroopSENSE",
    "PulseSequenceType": "gradient echo EPI",
    "ReconMatrixPE": 80,
    "RepetitionTime": 2,
    "SeriesDescription": "ImageMRSERIES",
    "SeriesNumber": 3,
    "SliceEncodingDirection": "k",
    "SliceTiming": [
      0.0,
      0.0541,
      0.1081,
      0.1622,
      0.2162,
      0.2703,
      0.3243,
      0.3784,
      0.4324,
      0.4865,
      0.5405,
      0.5946,
      0.6486,
      0.7027,
      0.7568,
      0.8108,
      0.8649,
      0.9189,
      0.973,
      1.027,
      1.0811,
      1.1351,
      1.1892,
      1.2432,
      1.2973,
      1.3514,
      1.4054,
      1.4595,
      1.5135,
      1.5676,
      1.6216,
      1.6757,
      1.7297,
      1.7838,
      1.8378,
      1.8919,
      1.9459
    ],
    "TaskName": "gstroop",
    "TotalReadoutTime": 0.025822520692561732,
    "UsePhilipsFloatNotDisplayScaling": 1,
    "acq_id": "seq",
    "dataset": "ds002785",
    "modality": "bold",
    "subject_id": "0188",
    "task_id": "gstroop"
  },
  "dummy_trs": 0,
  "dvars_nstd": 23.87942878524591,
  "dvars_std": 1.2146561660245903,
  "dvars_vstd": 0.996131560409837,
  "efc": 0.42093623885526527,
  "fber": 185789.71875,
  "fd_mean": 0.22311176789063203,
  "fd_num": 104,
  "fd_perc": 42.44897959183673,
  "fwhm_avg": 1.7295271795102556,
  "fwhm_x": 1.6983133333333333,
  "fwhm_y": 1.8722833333333335,
  "fwhm_z": 1.6179848718641001,
  "gcor": 0.0593049,
  "gsr_x": -0.012840582057833672,
  "gsr_y": 0.01134346891194582,
  "provenance": {
    "md5sum": "37ad4cb82fba60c45b6f4f8a1d131f41",
    "settings": {
      "fd_thres": 0.2,
      "testing": false
    },
    "software": "mriqc",
    "version": "22.0.0rc1",
    "webapi_port": null,
    "webapi_url": "https://mriqc.nimh.nih.gov/api/v1"
  },
  "size_t": 245,
  "size_x": 80,
  "size_y": 80,
  "size_z": 37,
  "snr": 6.144436745767658,
  "spacing_tr": 2.0,
  "spacing_x": 3.0,
  "spacing_y": 3.0,
  "spacing_z": 3.299999952316284,
  "summary_bg_k": 65.40164051224144,
  "summary_bg_mad": 61.91362734313627,
  "summary_bg_mean": 671.1652221679688,
  "summary_bg_median": 54.804901123046875,
  "summary_bg_n": 162550.0,
  "summary_bg_p05": 3.3728542923927307,
  "summary_bg_p95": 3329.8260742187476,
  "summary_bg_stdv": 2130.602294921875,
  "summary_fg_k": 1.8627061930462272,
  "summary_fg_mad": 3621.5223237860705,
  "summary_fg_mean": 24493.39453125,
  "summary_fg_median": 24173.34765625,
  "summary_fg_n": 32939.0,
  "summary_fg_p05": 18729.18828125,
  "summary_fg_p95": 31024.1439453125,
  "summary_fg_stdv": 3934.124755859375,
  "tsnr": 66.65209197998047
}