{
  "aor": 0.0019000740740740742,
  "aqi": 0.005913618592592593,
  "bids_meta": {
    "AcquisitionNumber": 5,
    "BidsifyVersion": "0.3.5",
    "ConversionSoftware": "dcm2niix",
    "ConversionSoftwareVersion": "v1.0.20181125  GCC6.3.0",
    "EchoTime": 0.02762,
    "EffectiveEchoSpacing": 0.0006621159151938905,
    "ImageComments": "piop",
    "ImageOrientationPatientDICOM": [
      0.999896,
      -0.0144243,
      -0.000558504,
      0.0139621,
      0.976228,
      -0.216298
    ],
    "Manufacturer": "Philips",
    "NumberOfVolumesDiscardedByScanner": 2,
    "ParallelAcquisitionTechnique": "SENSE",
    "ParallelReductionFactorInPlane": 2,
    "PatientPosition": "HFS",
    "PhaseEncodingDirection": "j",
    "PhilipsRescaleIntercept": 0,
    "PhilipsRescaleSlope": 0.81636,
    "PhilipsScaleSlope": 0.0572652,
    "ProtocolName": "WIPpiopharririSENSE",
    "PulseSequenceType": "gradient echo EPI",
    "ReconMatrixPE": 80,
    "RepetitionTime": 2,
    "SeriesDescription": "ImageMRSERIES",
    "SeriesNumber": 5,
    "SliceEncodingDirection": "k",
    "SliceTiming": [
      0.0,
      0.0541,
      0.1081,
      0.1622,
      0.2162,
      0.2703,
      0.3243,
      0.3784,
      0.4324,
      0.4865,
      0.5405,
      0.5946,
      0.6486,
      0.7027,
      0.7568,
      0.8108,
      0.8649,
      0.9189,
      0.973,
      1.027,
      1.0811,
      1.1351,
      1.1892,
      1.2432,
      1.2973,
      1.3514,
      1.4054,
      1.4595,
      1.5135,
      1.5676,
      1.6216,
      1.6757,
      1.7297,
      1.7838,
      1.8378,
      1.8919,
      1.9459
    ],
    "TaskName": "emomatching",
    "TotalReadoutTime": 0.025822520692561732,
    "UsePhilipsFloatNotDisplayScaling": 1,
    "acq_id": "seq",
    "dataset": "ds002785",
    "modality": "bold",
    "subject_id": "0188",
    "task_id": "emomatching"
  },
  "dummy_trs": 0,
  "dvars_nstd": 20.46919661179104,
  "dvars_std": 1.1587829373134328,
  "dvars_vstd": 0.9735373667164176,
  "efc": 0.42010788502131086,
  "fber": 179878.765625,
  "fd_mean": 0.1489306252953464,
  "fd_num": 25,
  "fd_perc": 18.51851851851852,
  "fwhm_avg": 1.7609741493764026,
  "fwhm_x": 1.7315633333333331,
  "fwhm_y": 1.89825,
  "fwhm_z": 1.6531091147958743,
  "gcor": 0.0334457,
  "gsr_x": -0.011841127648949623,
  "gsr_y": 0.011457583867013454,
  "provenance": {
    "md5sum": "73e30da2a933b93d306e94f9ba103e89",
    "settings": {
      "fd_thres": 0.2,
      "testing": false
    },
    "software": "mriqc",
    "version": "22.0.0rc1",
    "webapi_port": null,
    "webapi_url": "https://mriqc.nimh.nih.gov/api/v1"
  },
  "size_t": 135,
  "size_x": 80,
  "size_y": 80,
  "size_z": 37,
  "snr": 6.026361637518087,
  "spacing_tr": 2.0,
  "spacing_x": 3.0,
  "spacing_y": 3.0,
  "spacing_z": 3.299999952316284,
  "summary_bg_k": 65.87181550348687,
  "summary_bg_mad": 65.29888680847716,
  "summary_bg_mean": 662.7840576171875,
  "summary_bg_median": 56.162601470947266,
  "summary_bg_n": 162696.0,
  "summary_bg_p05": 2.9317448139190674,
  "summary_bg_p95": 3310.529296875,
  "summary_bg_stdv": 2089.111572265625,
  "summary_fg_k": 1.690708497952147,
  "summary_fg_mad": 3743.634307290721,
  "summary_fg_mean": 24634.037109375,
  "summary_fg_median": 24332.19921875,
  "summary_fg_n": 32899.0,
  "summary_fg_p05": 18721.02578125,
  "summary_fg_p95": 31340.465234375,
  "summary_fg_stdv": 4037.5654296875,
  "tsnr": 72.4794692993164
}