{
  "aor": 0.0009217682926829268,
  "aqi": 0.0071103396951219516,
  "bids_meta": {
    "AcquisitionNumber": 2,
    "BidsifyVersion": "0.3.5",
    "ConversionSoftware": "dcm2niix",
    "ConversionSoftwareVersion": "v1.0.20181125  GCC6.3.0",
    "EchoTime": 0.02762,
    "EffectiveEchoSpacing": 0.0006333282667071997,
    "ImageComments": "piop",
    "ImageOrientationPatientDICOM": [
      0.999284,
      -0.0378132,
      -0.00127711,
      0.0366421,
      0.975641,
      -0.216291
    ],
    "Manufacturer": "Philips",
    "NumberOfVolumesDiscardedByScanner": 2,
    "ParallelAcquisitionTechnique": "SENSE",
    "ParallelReductionFactorInPlane": 2,
    "PatientPosition": "HFS",
    "PhaseEncodingDirection": "j",
    "PhilipsRescaleIntercept": 0,
    "PhilipsRescaleSlope": 0.77411,
    "PhilipsScaleSlope": 0.0942927,
    "ProtocolName": "WIPpiopfacesSENSE",
    "PulseSequenceType": "gradient echo EPI",
    "ReconMatrixPE": 80,
    "RepetitionTime": 0.75,
    "SeriesDescription": "ImageMRSERIES",
    "SeriesNumber": 2,
    "SliceEncodingDirection": "k",
    "SliceTiming": [
      0.0,
      0.06755050505050506,
      0.1351010101010101,
      0.20265151515151517,
      0.2702020202020202,
      0.3377525252525253,
      0.40530303030303033,
      0.47285353535353536,
      0.5404040404040404,
      0.6079545454545455,
      0.6755050505050506,
      0.7430555555555556,
      0.0,
      0.06755050505050506,
      0.1351010101010101,
      0.20265151515151517,
      0.2702020202020202,
      0.3377525252525253,
      0.40530303030303033,
      0.47285353535353536,
      0.5404040404040404,
      0.6079545454545455,
      0.6755050505050506,
      0.7430555555555556,
      0.0,
      0.06755050505050506,
      0.1351010101010101,
      0.20265151515151517,
      0.2702020202020202,
      0.3377525252525253,
      0.40530303030303033,
      0.47285353535353536,
      0.5404040404040404,
      0.6079545454545455,
      0.6755050505050506,
      0.7430555555555556
    ],
    "TaskName": "faces",
    "TotalReadoutTime": 0.024699802401580786,
    "UsePhilipsFloatNotDisplayScaling": 1,
    "acq_id": "mb3",
    "dataset": "ds002785",
    "modality": "bold",
    "subject_id": "0188",
    "task_id": "faces"
  },
  "dummy_trs": 2,
  "dvars_nstd": 23.83107854972477,
  "dvars_std": 1.1446057839755348,
  "dvars_vstd": 1.0093478238226306,
  "efc": 0.428419267920746,
  "fber": 213092.484375,
  "fd_mean": 0.08999892194514102,
  "fd_num": 13,
  "fd_perc": 3.9634146341463414,
  "fwhm_avg": 2.1079308632959286,
  "fwhm_x": 2.14286,
  "fwhm_y": 2.2703233333333332,
  "fwhm_z": 1.9106092565544526,
  "gcor": 0.0428615,
  "gsr_x": -0.01494835875928402,
  "gsr_y": 0.006786537356674671,
  "provenance": {
    "md5sum": "497a2874cdc445cc535c958cbe395cfe",
    "settings": {
      "fd_thres": 0.2,
      "testing": false
    },
    "software": "mriqc",
    "version": "22.0.0rc1",
    "webapi_port": null,
    "webapi_url": "https://mriqc.nimh.nih.gov/api/v1"
  },
  "size_t": 328,
  "size_x": 80,
  "size_y": 80,
  "size_z": 36,
  "snr": 6.736164489983705,
  "spacing_tr": 0.75,
  "spacing_x": 3.0,
  "spacing_y": 3.0,
  "spacing_z": 3.299999713897705,
  "summary_bg_k": 41.971718855316325,
  "summary_bg_mad": 47.35688615680079,
  "summary_bg_mean": 503.8655090332031,
  "summary_bg_median": 38.882240295410156,
  "summary_bg_n": 157143.0,
  "summary_bg_p05": 1.5186418175697327,
  "summary_bg_p95": 2544.0073974609368,
  "summary_bg_stdv": 1461.5260009765625,
  "summary_fg_k": 0.7420004258591231,
  "summary_fg_mad": 2522.9488283629157,
  "summary_fg_mean": 18282.052734375,
  "summary_fg_median": 18229.328125,
  "summary_fg_n": 32521.0,
  "summary_fg_p05": 13880.7265625,
  "summary_fg_p95": 22786.361328125,
  "summary_fg_stdv": 2706.146484375,
  "tsnr": 59.64761734008789
}