{
  "aor": 0.0012472592592592592,
  "aqi": 0.0030783025185185187,
  "bids_meta": {
    "AcquisitionNumber": 5,
    "BidsifyVersion": "0.3.5",
    "ConversionSoftware": "dcm2niix",
    "ConversionSoftwareVersion": "v1.0.20181125  GCC6.3.0",
    "EchoTime": 0.02762,
    "EffectiveEchoSpacing": 0.0006621159151938905,
    "ImageComments": "piop",
    "ImageOrientationPatientDICOM": [
      0.998567,
      0.0115494,
      -0.0522591,
      -0.0158611,
      0.996435,
      -0.0828583
    ],
    "Manufacturer": "Philips",
    "NumberOfVolumesDiscardedByScanner": 2,
    "ParallelAcquisitionTechnique": "SENSE",
    "ParallelReductionFactorInPlane": 2,
    "PatientPosition": "HFS",
    "PhaseEncodingDirection": "j",
    "PhilipsRescaleIntercept": 0,
    "PhilipsRescaleSlope": 0.82882,
    "PhilipsScaleSlope": 0.0552324,
    "ProtocolName": "WIPpiopharririSENSE",
    "PulseSequenceType": "gradient echo EPI",
    "ReconMatrixPE": 80,
    "RepetitionTime": 2,
    "SeriesDescription": "ImageMRSERIES",
    "SeriesNumber": 5,
    "SliceEncodingDirection": "k",
    "SliceTiming": [
      0.0,
      0.0541,
      0.1081,
      0.1622,
      0.2162,
      0.2703,
      0.3243,
      0.3784,
      0.4324,
      0.4865,
      0.5405,
      0.5946,
      0.6486,
      0.7027,
      0.7568,
      0.8108,
      0.8649,
      0.9189,
      0.973,
      1.027,
      1.0811,
      1.1351,
      1.1892,
      1.2432,
      1.2973,
      1.3514,
      1.4054,
      1.4595,
      1.5135,
      1.5676,
      1.6216,
      1.6757,
      1.7297,
      1.7838,
      1.8378,
      1.8919,
      1.9459
    ],
    "TaskName": "emomatching",
    "TotalReadoutTime": 0.025822520692561732,
    "UsePhilipsFloatNotDisplayScaling": 1,
    "acq_id": "seq",
    "dataset": "ds002785",
    "modality": "bold",
    "subject_id": "0051",
    "task_id": "emomatching"
  },
  "dummy_trs": 0,
  "dvars_nstd": 23.460358078656718,
  "dvars_std": 1.3018238147761199,
  "dvars_vstd": 1.0146211932089555,
  "efc": 0.4094057334930321,
  "fber": 225127.796875,
  "fd_mean": 0.1231735019106739,
  "fd_num": 11,
  "fd_perc": 8.148148148148149,
  "fwhm_avg": 1.845858897542761,
  "fwhm_x": 1.8135666666666665,
  "fwhm_y": 1.92731,
  "fwhm_z": 1.7967000259616162,
  "gcor": 0.0457785,
  "gsr_x": -0.018532637506723404,
  "gsr_y": 0.008541667833924294,
  "provenance": {
    "md5sum": "20ac1f288cbbdcac641535d31557b6ac",
    "settings": {
      "fd_thres": 0.2,
      "testing": false
    },
    "software": "mriqc",
    "version": "22.0.0rc1",
    "webapi_port": null,
    "webapi_url": "https://mriqc.nimh.nih.gov/api/v1"
  },
  "size_t": 135,
  "size_x": 80,
  "size_y": 80,
  "size_z": 37,
  "snr": 4.789337447244047,
  "spacing_tr": 2.0,
  "spacing_x": 3.0,
  "spacing_y": 3.0,
  "spacing_z": 3.299999952316284,
  "summary_bg_k": 66.00530050897835,
  "summary_bg_mad": 53.96525678119081,
  "summary_bg_mean": 433.7798156738281,
  "summary_bg_median": 48.4359016418457,
  "summary_bg_n": 161311.0,
  "summary_bg_p05": 1.684926688671112,
  "summary_bg_p95": 1960.3040161132812,
  "summary_bg_stdv": 1483.2525634765625,
  "summary_fg_k": 1.7454496321385182,
  "summary_fg_mad": 4447.741502099,
  "summary_fg_mean": 24336.53125,
  "summary_fg_median": 23579.11328125,
  "summary_fg_n": 34228.0,
  "summary_fg_p05": 17671.00712890625,
  "summary_fg_p95": 33113.43945312499,
  "summary_fg_stdv": 4923.1796875,
  "tsnr": 86.46824645996094
}