{
  "aor": 0.002015407407407407,
  "aqi": 0.004677960000000001,
  "bids_meta": {
    "AcquisitionNumber": 5,
    "BidsifyVersion": "0.3.5",
    "ConversionSoftware": "dcm2niix",
    "ConversionSoftwareVersion": "v1.0.20181125  GCC6.3.0",
    "EchoTime": 0.02762,
    "EffectiveEchoSpacing": 0.0006621159151938905,
    "ImageComments": "Piop",
    "ImageOrientationPatientDICOM": [
      0.99894,
      0.0396852,
      0.023306,
      -0.0273795,
      0.91949,
      -0.392159
    ],
    "Manufacturer": "Philips",
    "NumberOfVolumesDiscardedByScanner": 2,
    "ParallelAcquisitionTechnique": "SENSE",
    "ParallelReductionFactorInPlane": 2,
    "PatientPosition": "HFS",
    "PhaseEncodingDirection": "j",
    "PhilipsRescaleIntercept": 0,
    "PhilipsRescaleSlope": 0.82173,
    "PhilipsScaleSlope": 0.0685837,
    "ProtocolName": "WIPpiopharririSENSE",
    "PulseSequenceType": "gradient echo EPI",
    "ReconMatrixPE": 80,
    "RepetitionTime": 2,
    "SeriesDescription": "ImageMRSERIES",
    "SeriesNumber": 5,
    "SliceEncodingDirection": "k",
    "SliceTiming": [
      0.0,
      0.0541,
      0.1081,
      0.1622,
      0.2162,
      0.2703,
      0.3243,
      0.3784,
      0.4324,
      0.4865,
      0.5405,
      0.5946,
      0.6486,
      0.7027,
      0.7568,
      0.8108,
      0.8649,
      0.9189,
      0.973,
      1.027,
      1.0811,
      1.1351,
      1.1892,
      1.2432,
      1.2973,
      1.3514,
      1.4054,
      1.4595,
      1.5135,
      1.5676,
      1.6216,
      1.6757,
      1.7297,
      1.7838,
      1.8378,
      1.8919,
      1.9459
    ],
    "TaskName": "emomatching",
    "TotalReadoutTime": 0.025822520692561732,
    "UsePhilipsFloatNotDisplayScaling": 1,
    "acq_id": "seq",
    "dataset": "ds002785",
    "modality": "bold",
    "subject_id": "0156",
    "task_id": "emomatching"
  },
  "dummy_trs": 0,
  "dvars_nstd": 26.34431242619403,
  "dvars_std": 1.3077208931343283,
  "dvars_vstd": 1.0219578860447762,
  "efc": 0.46040467192257767,
  "fber": 94735.109375,
  "fd_mean": 0.15613082078935928,
  "fd_num": 27,
  "fd_perc": 20.0,
  "fwhm_avg": 1.8214145538870028,
  "fwhm_x": 1.78523,
  "fwhm_y": 1.9282833333333331,
  "fwhm_z": 1.750730328327675,
  "gcor": 0.043566,
  "gsr_x": -0.01847512647509575,
  "gsr_y": 0.0279209166765213,
  "provenance": {
    "md5sum": "75eee08fc9f8681989197597e467c9a0",
    "settings": {
      "fd_thres": 0.2,
      "testing": false
    },
    "software": "mriqc",
    "version": "22.0.0rc1",
    "webapi_port": null,
    "webapi_url": "https://mriqc.nimh.nih.gov/api/v1"
  },
  "size_t": 135,
  "size_x": 80,
  "size_y": 80,
  "size_z": 37,
  "snr": 5.292107392942627,
  "spacing_tr": 2.0,
  "spacing_x": 3.0,
  "spacing_y": 3.0,
  "spacing_z": 3.299999952316284,
  "summary_bg_k": 37.45541227662265,
  "summary_bg_mad": 78.51150506753672,
  "summary_bg_mean": 751.9190063476562,
  "summary_bg_median": 67.04605102539062,
  "summary_bg_n": 155776.0,
  "summary_bg_p05": 4.400594592094421,
  "summary_bg_p95": 4180.501708984375,
  "summary_bg_stdv": 1863.229248046875,
  "summary_fg_k": 1.477105501600902,
  "summary_fg_mad": 3747.828739543662,
  "summary_fg_mean": 21411.248046875,
  "summary_fg_median": 21034.15625,
  "summary_fg_n": 38440.0,
  "summary_fg_p05": 15663.901611328125,
  "summary_fg_p95": 28074.981249999986,
  "summary_fg_stdv": 3974.575927734375,
  "tsnr": 70.9776840209961
}