{
  "bids_meta": {
    "AcquisitionNumber": 4,
    "BidsifyVersion": "0.3.5",
    "ConversionSoftware": "dcm2niix",
    "ConversionSoftwareVersion": "v1.0.20181125  GCC6.3.0",
    "EchoTime": 0.00377,
    "ImageComments": "PioP",
    "ImageOrientationPatientDICOM": [
      0.999894,
      -0.0143293,
      -0.00239249,
      0.0139621,
      0.99335,
      -0.114288
    ],
    "Manufacturer": "Philips",
    "PatientPosition": "HFS",
    "PhilipsRescaleIntercept": 0,
    "PhilipsRescaleSlope": 9.43321,
    "PhilipsScaleSlope": 0.00715698,
    "ProtocolName": "WIPt13dSENSE",
    "ReconMatrixPE": 240,
    "RepetitionTime": 0.008216,
    "SeriesDescription": "ImageMRSERIES",
    "SeriesNumber": 4,
    "UsePhilipsFloatNotDisplayScaling": 1,
    "dataset": "ds002785",
    "modality": "T1w",
    "subject_id": "0100"
  },
  "cjv": 0.3182091536975139,
  "cnr": 3.963193518957013,
  "efc": 0.7905845006283964,
  "fber": 685.5278930664062,
  "fwhm_avg": 3.5716334080519325,
  "fwhm_x": 3.54208,
  "fwhm_y": 3.760710224155797,
  "fwhm_z": 3.41211,
  "icvs_csf": 0.1840331312594585,
  "icvs_gm": 0.44522345968723254,
  "icvs_wm": 0.370743409053309,
  "inu_med": 1.8526415824890137,
  "inu_range": 0.6013433516025541,
  "provenance": {
    "md5sum": "cf0ab2684afc713ea13572439034465e",
    "settings": {
      "testing": false
    },
    "software": "mriqc",
    "version": "22.0.0rc1",
    "warnings": {
      "large_rot_frame": true,
      "small_air_mask": true
    },
    "webapi_port": null,
    "webapi_url": "https://mriqc.nimh.nih.gov/api/v1"
  },
  "qi_1": 0.0,
  "qi_2": 0.00023399785613126056,
  "rpve_csf": 26.891395583877213,
  "rpve_gm": 12.566736492270508,
  "rpve_wm": 18.693382998086353,
  "size_x": 240,
  "size_y": 240,
  "size_z": 220,
  "snr_csf": 1.9473488804446004,
  "snr_gm": 7.42917886934919,
  "snr_total": 9.539789088143701,
  "snr_wm": 19.242839514637314,
  "snrd_csf": 17.829741861865365,
  "snrd_gm": 40.47312963702169,
  "snrd_total": 41.49102551581594,
  "snrd_wm": 66.17020504856076,
  "spacing_x": 1.0,
  "spacing_y": 0.9999999403953552,
  "spacing_z": 1.0,
  "summary_bg_k": 1.4099483266525672,
  "summary_bg_mad": 9.900639421713848,
  "summary_bg_mean": 14.334064483642578,
  "summary_bg_median": 13.28736400604248,
  "summary_bg_n": 135179.0,
  "summary_bg_p05": 0.0,
  "summary_bg_p95": 33.685904312133786,
  "summary_bg_stdv": 11.091791152954102,
  "summary_csf_k": 9.554489661717122,
  "summary_csf_mad": 166.81686539555403,
  "summary_csf_mean": 272.3512268066406,
  "summary_csf_median": 269.4490051269531,
  "summary_csf_n": 5261.0,
  "summary_csf_p05": 83.62454223632812,
  "summary_csf_p95": 473.6860656738281,
  "summary_csf_stdv": 138.35394287109375,
  "summary_gm_k": 0.3570507160404732,
  "summary_gm_mad": 77.29588834918813,
  "summary_gm_mean": 617.1378784179688,
  "summary_gm_median": 611.6434326171875,
  "summary_gm_n": 28026.0,
  "summary_gm_p05": 491.0391159057617,
  "summary_gm_p95": 763.6705780029297,
  "summary_gm_stdv": 82.32841491699219,
  "summary_wm_k": 1.0834987022881757,
  "summary_wm_mad": 46.27833693090412,
  "summary_wm_mean": 997.0089721679688,
  "summary_wm_median": 999.9862060546875,
  "summary_wm_n": 222708.0,
  "summary_wm_p05": 906.1092010498047,
  "summary_wm_p95": 1075.9607299804688,
  "summary_wm_stdv": 51.966548919677734,
  "tpm_overlap_csf": 0.17211756110191345,
  "tpm_overlap_gm": 0.46027228236198425,
  "tpm_overlap_wm": 0.518651008605957,
  "wm2max": 0.6461087485522752
}