{
  "aor": 0.00033056367432150307,
  "aqi": 0.009520372630480167,
  "bids_meta": {
    "AcquisitionNumber": 6,
    "BidsifyVersion": "0.3.5",
    "ConversionSoftware": "dcm2niix",
    "ConversionSoftwareVersion": "v1.0.20181125  GCC6.3.0",
    "EchoTime": 0.02762,
    "EffectiveEchoSpacing": 0.0006333282667071997,
    "ImageComments": "piop",
    "ImageOrientationPatientDICOM": [
      0.999142,
      -0.0196144,
      -0.0364751,
      0.0115098,
      0.977549,
      -0.210394
    ],
    "Manufacturer": "Philips",
    "NumberOfVolumesDiscardedByScanner": 2,
    "ParallelAcquisitionTechnique": "SENSE",
    "ParallelReductionFactorInPlane": 2,
    "PatientPosition": "HFS",
    "PhaseEncodingDirection": "j",
    "PhilipsRescaleIntercept": 0,
    "PhilipsRescaleSlope": 0.75995,
    "PhilipsScaleSlope": 0.0822568,
    "ProtocolName": "WIPpioprsSENSE",
    "PulseSequenceType": "gradient echo EPI",
    "ReconMatrixPE": 80,
    "RepetitionTime": 0.75,
    "SeriesDescription": "ImageMRSERIES",
    "SeriesNumber": 6,
    "SliceEncodingDirection": "k",
    "SliceTiming": [
      0.0,
      0.06755050505050506,
      0.1351010101010101,
      0.20265151515151517,
      0.2702020202020202,
      0.3377525252525253,
      0.40530303030303033,
      0.47285353535353536,
      0.5404040404040404,
      0.6079545454545455,
      0.6755050505050506,
      0.7430555555555556,
      0.0,
      0.06755050505050506,
      0.1351010101010101,
      0.20265151515151517,
      0.2702020202020202,
      0.3377525252525253,
      0.40530303030303033,
      0.47285353535353536,
      0.5404040404040404,
      0.6079545454545455,
      0.6755050505050506,
      0.7430555555555556,
      0.0,
      0.06755050505050506,
      0.1351010101010101,
      0.20265151515151517,
      0.2702020202020202,
      0.3377525252525253,
      0.40530303030303033,
      0.47285353535353536,
      0.5404040404040404,
      0.6079545454545455,
      0.6755050505050506,
      0.7430555555555556
    ],
    "TaskName": "restingstate",
    "TotalReadoutTime": 0.024699802401580786,
    "UsePhilipsFloatNotDisplayScaling": 1,
    "acq_id": "mb3",
    "dataset": "ds002785",
    "modality": "bold",
    "subject_id": "0112",
    "task_id": "restingstate"
  },
  "dummy_trs": 1,
  "dvars_nstd": 27.52897662805441,
  "dvars_std": 1.1851185579079497,
  "dvars_vstd": 0.9908222333472808,
  "efc": 0.4146751719485306,
  "fber": 150887.078125,
  "fd_mean": 0.09536213718539155,
  "fd_num": 8,
  "fd_perc": 1.6701461377870563,
  "fwhm_avg": 1.8869773823060516,
  "fwhm_x": 1.81287,
  "fwhm_y": 2.0690500000000003,
  "fwhm_z": 1.7790121469181543,
  "gcor": 0.0277603,
  "gsr_x": -0.020171906799077988,
  "gsr_y": 0.01506832055747509,
  "provenance": {
    "md5sum": "f078583641e3b7d82cbde619004227b1",
    "settings": {
      "fd_thres": 0.2,
      "testing": false
    },
    "software": "mriqc",
    "version": "22.0.0rc1",
    "webapi_port": null,
    "webapi_url": "https://mriqc.nimh.nih.gov/api/v1"
  },
  "size_t": 479,
  "size_x": 80,
  "size_y": 80,
  "size_z": 36,
  "snr": 6.531396139277737,
  "spacing_tr": 0.75,
  "spacing_x": 3.0,
  "spacing_y": 3.0,
  "spacing_z": 3.299999952316284,
  "summary_bg_k": 38.91857558600914,
  "summary_bg_mad": 52.175387198453365,
  "summary_bg_mean": 420.6570129394531,
  "summary_bg_median": 46.35887145996094,
  "summary_bg_n": 158478.0,
  "summary_bg_p05": 3.5325130939483644,
  "summary_bg_p95": 2158.626574707031,
  "summary_bg_stdv": 1190.854736328125,
  "summary_fg_k": 2.0072609624838567,
  "summary_fg_mad": 2378.331406494543,
  "summary_fg_mean": 18440.111328125,
  "summary_fg_median": 18405.234375,
  "summary_fg_n": 31619.0,
  "summary_fg_p05": 13903.66171875,
  "summary_fg_p95": 22841.983984374998,
  "summary_fg_stdv": 2817.918701171875,
  "tsnr": 54.622276306152344
}