{
  "aor": 0.0045796296296296305,
  "aqi": 0.007940063456790124,
  "bids_meta": {
    "AcquisitionNumber": 8,
    "BidsifyVersion": "0.3.5",
    "ConversionSoftware": "dcm2niix",
    "ConversionSoftwareVersion": "v1.0.20181125  GCC6.3.0",
    "EchoTime": 0.02762,
    "EffectiveEchoSpacing": 0.0006621159151938905,
    "ImageComments": "piop",
    "ImageOrientationPatientDICOM": [
      0.998945,
      -0.0251885,
      -0.0384048,
      0.00993821,
      0.934931,
      -0.354691
    ],
    "Manufacturer": "Philips",
    "NumberOfVolumesDiscardedByScanner": 2,
    "ParallelAcquisitionTechnique": "SENSE",
    "ParallelReductionFactorInPlane": 2,
    "PatientPosition": "HFS",
    "PhaseEncodingDirection": "j",
    "PhilipsRescaleIntercept": 0,
    "PhilipsRescaleSlope": 0.77021,
    "PhilipsScaleSlope": 0.0522002,
    "ProtocolName": "WIPpiopwmSENSE",
    "PulseSequenceType": "gradient echo EPI",
    "ReconMatrixPE": 80,
    "RepetitionTime": 2,
    "SeriesDescription": "ImageMRSERIES",
    "SeriesNumber": 8,
    "SliceEncodingDirection": "k",
    "SliceTiming": [
      0.0,
      0.0541,
      0.1081,
      0.1622,
      0.2162,
      0.2703,
      0.3243,
      0.3784,
      0.4324,
      0.4865,
      0.5405,
      0.5946,
      0.6486,
      0.7027,
      0.7568,
      0.8108,
      0.8649,
      0.9189,
      0.973,
      1.027,
      1.0811,
      1.1351,
      1.1892,
      1.2432,
      1.2973,
      1.3514,
      1.4054,
      1.4595,
      1.5135,
      1.5676,
      1.6216,
      1.6757,
      1.7297,
      1.7838,
      1.8378,
      1.8919,
      1.9459
    ],
    "TaskName": "workingmemory",
    "TotalReadoutTime": 0.025822520692561732,
    "UsePhilipsFloatNotDisplayScaling": 1,
    "acq_id": "seq",
    "dataset": "ds002785",
    "modality": "bold",
    "subject_id": "0112",
    "task_id": "workingmemory"
  },
  "dummy_trs": 0,
  "dvars_nstd": 18.125666535590046,
  "dvars_std": 1.1458326288819878,
  "dvars_vstd": 0.9969341527950307,
  "efc": 0.4098132209825131,
  "fber": 151306.203125,
  "fd_mean": 0.12453006208760473,
  "fd_num": 16,
  "fd_perc": 9.876543209876543,
  "fwhm_avg": 1.8709751600191271,
  "fwhm_x": 1.7950366666666666,
  "fwhm_y": 2.05231,
  "fwhm_z": 1.7655788133907147,
  "gcor": 0.0208504,
  "gsr_x": -0.020031295716762543,
  "gsr_y": 0.011846705339848995,
  "provenance": {
    "md5sum": "5544f4a88cb9c794817d80e8c5b78495",
    "settings": {
      "fd_thres": 0.2,
      "testing": false
    },
    "software": "mriqc",
    "version": "22.0.0rc1",
    "webapi_port": null,
    "webapi_url": "https://mriqc.nimh.nih.gov/api/v1"
  },
  "size_t": 162,
  "size_x": 80,
  "size_y": 80,
  "size_z": 37,
  "snr": 5.1462436844896535,
  "spacing_tr": 2.0,
  "spacing_x": 3.0,
  "spacing_y": 3.0,
  "spacing_z": 3.299999952316284,
  "summary_bg_k": 39.22831773928267,
  "summary_bg_mad": 70.40200634233216,
  "summary_bg_mean": 590.4161376953125,
  "summary_bg_median": 64.70756530761719,
  "summary_bg_n": 163462.0,
  "summary_bg_p05": 5.412040448188781,
  "summary_bg_p95": 3071.5524291992174,
  "summary_bg_stdv": 1691.6380615234375,
  "summary_fg_k": 3.451412813631203,
  "summary_fg_mad": 4085.1164006924987,
  "summary_fg_mean": 26225.4296875,
  "summary_fg_median": 25707.259765625,
  "summary_fg_n": 32089.0,
  "summary_fg_p05": 19325.557421875,
  "summary_fg_p95": 34269.41796875,
  "summary_fg_stdv": 4995.2666015625,
  "tsnr": 64.95539855957031
}