{
  "aor": 0.0032269500000000006,
  "aqi": 0.007085923649999999,
  "bids_meta": {
    "AcquisitionNumber": 9,
    "BidsifyVersion": "0.3.5",
    "ConversionSoftware": "dcm2niix",
    "ConversionSoftwareVersion": "v1.0.20181125  GCC6.3.0",
    "EchoTime": 0.02762,
    "EffectiveEchoSpacing": 0.0006621159151938905,
    "ImageComments": "piop",
    "ImageOrientationPatientDICOM": [
      0.998945,
      -0.0251885,
      -0.0384048,
      0.00993821,
      0.934931,
      -0.354691
    ],
    "Manufacturer": "Philips",
    "NumberOfVolumesDiscardedByScanner": 2,
    "ParallelAcquisitionTechnique": "SENSE",
    "ParallelReductionFactorInPlane": 2,
    "PatientPosition": "HFS",
    "PhaseEncodingDirection": "j",
    "PhilipsRescaleIntercept": 0,
    "PhilipsRescaleSlope": 0.78217,
    "PhilipsScaleSlope": 0.0521923,
    "ProtocolName": "WIPpiopanticipatieSENSE",
    "PulseSequenceType": "gradient echo EPI",
    "ReconMatrixPE": 80,
    "RepetitionTime": 2,
    "SeriesDescription": "ImageMRSERIES",
    "SeriesNumber": 9,
    "SliceEncodingDirection": "k",
    "SliceTiming": [
      0.0,
      0.0541,
      0.1081,
      0.1622,
      0.2162,
      0.2703,
      0.3243,
      0.3784,
      0.4324,
      0.4865,
      0.5405,
      0.5946,
      0.6486,
      0.7027,
      0.7568,
      0.8108,
      0.8649,
      0.9189,
      0.973,
      1.027,
      1.0811,
      1.1351,
      1.1892,
      1.2432,
      1.2973,
      1.3514,
      1.4054,
      1.4595,
      1.5135,
      1.5676,
      1.6216,
      1.6757,
      1.7297,
      1.7838,
      1.8378,
      1.8919,
      1.9459
    ],
    "TaskName": "anticipation",
    "TotalReadoutTime": 0.025822520692561732,
    "UsePhilipsFloatNotDisplayScaling": 1,
    "acq_id": "seq",
    "dataset": "ds002785",
    "modality": "bold",
    "subject_id": "0112",
    "task_id": "anticipation"
  },
  "dummy_trs": 0,
  "dvars_nstd": 22.06391457688443,
  "dvars_std": 1.2424766932160802,
  "dvars_vstd": 0.9702398658291452,
  "efc": 0.40929339165308065,
  "fber": 159326.84375,
  "fd_mean": 0.12042743234760442,
  "fd_num": 20,
  "fd_perc": 10.0,
  "fwhm_avg": 1.8864648570498774,
  "fwhm_x": 1.81261,
  "fwhm_y": 2.06853,
  "fwhm_z": 1.778254571149632,
  "gcor": 0.0367452,
  "gsr_x": -0.02004323899745941,
  "gsr_y": 0.013148173689842224,
  "provenance": {
    "md5sum": "99477dc307eec93e03b8ff3dc22500f8",
    "settings": {
      "fd_thres": 0.2,
      "testing": false
    },
    "software": "mriqc",
    "version": "22.0.0rc1",
    "webapi_port": null,
    "webapi_url": "https://mriqc.nimh.nih.gov/api/v1"
  },
  "size_t": 200,
  "size_x": 80,
  "size_y": 80,
  "size_z": 37,
  "snr": 5.127455546961816,
  "spacing_tr": 2.0,
  "spacing_x": 3.0,
  "spacing_y": 3.0,
  "spacing_z": 3.299999952316284,
  "summary_bg_k": 42.47545428961657,
  "summary_bg_mad": 64.72764417903856,
  "summary_bg_mean": 580.732177734375,
  "summary_bg_median": 62.55459213256836,
  "summary_bg_n": 163505.0,
  "summary_bg_p05": 5.905953216552734,
  "summary_bg_p95": 3034.8747558593723,
  "summary_bg_stdv": 1673.955810546875,
  "summary_fg_k": 3.414335102784909,
  "summary_fg_mad": 4093.5313265655013,
  "summary_fg_mean": 26155.560546875,
  "summary_fg_median": 25649.802734375,
  "summary_fg_n": 32073.0,
  "summary_fg_p05": 19202.531640625,
  "summary_fg_p95": 34131.229687499996,
  "summary_fg_stdv": 5002.36474609375,
  "tsnr": 68.9776611328125
}