{
  "aor": 0.0006906122448979593,
  "aqi": 0.0038999158367346936,
  "bids_meta": {
    "AcquisitionNumber": 3,
    "BidsifyVersion": "0.3.5",
    "ConversionSoftware": "dcm2niix",
    "ConversionSoftwareVersion": "v1.0.20181125  GCC6.3.0",
    "EchoTime": 0.02762,
    "EffectiveEchoSpacing": 0.0006621159151938905,
    "ImageComments": "piop",
    "ImageOrientationPatientDICOM": [
      0.998945,
      -0.0251885,
      -0.0384048,
      0.00993821,
      0.934931,
      -0.354691
    ],
    "Manufacturer": "Philips",
    "NumberOfVolumesDiscardedByScanner": 2,
    "ParallelAcquisitionTechnique": "SENSE",
    "ParallelReductionFactorInPlane": 2,
    "PatientPosition": "HFS",
    "PhaseEncodingDirection": "j",
    "PhilipsRescaleIntercept": 0,
    "PhilipsRescaleSlope": 0.78559,
    "PhilipsScaleSlope": 0.0512048,
    "ProtocolName": "WIPpiopgstroopSENSE",
    "PulseSequenceType": "gradient echo EPI",
    "ReconMatrixPE": 80,
    "RepetitionTime": 2,
    "SeriesDescription": "ImageMRSERIES",
    "SeriesNumber": 3,
    "SliceEncodingDirection": "k",
    "SliceTiming": [
      0.0,
      0.0541,
      0.1081,
      0.1622,
      0.2162,
      0.2703,
      0.3243,
      0.3784,
      0.4324,
      0.4865,
      0.5405,
      0.5946,
      0.6486,
      0.7027,
      0.7568,
      0.8108,
      0.8649,
      0.9189,
      0.973,
      1.027,
      1.0811,
      1.1351,
      1.1892,
      1.2432,
      1.2973,
      1.3514,
      1.4054,
      1.4595,
      1.5135,
      1.5676,
      1.6216,
      1.6757,
      1.7297,
      1.7838,
      1.8378,
      1.8919,
      1.9459
    ],
    "TaskName": "gstroop",
    "TotalReadoutTime": 0.025822520692561732,
    "UsePhilipsFloatNotDisplayScaling": 1,
    "acq_id": "seq",
    "dataset": "ds002785",
    "modality": "bold",
    "subject_id": "0112",
    "task_id": "gstroop"
  },
  "dummy_trs": 0,
  "dvars_nstd": 20.855693742827874,
  "dvars_std": 1.3072486650819668,
  "dvars_vstd": 1.0020382991393444,
  "efc": 0.4077879866725405,
  "fber": 159809.046875,
  "fd_mean": 0.10125427872401162,
  "fd_num": 11,
  "fd_perc": 4.489795918367347,
  "fwhm_avg": 1.8691261701712067,
  "fwhm_x": 1.7911533333333332,
  "fwhm_y": 2.040043333333333,
  "fwhm_z": 1.7761818438469545,
  "gcor": 0.0228755,
  "gsr_x": -0.019544735550880432,
  "gsr_y": 0.011921079829335213,
  "provenance": {
    "md5sum": "a99a5c913c44efe4199b7319834c0886",
    "settings": {
      "fd_thres": 0.2,
      "testing": false
    },
    "software": "mriqc",
    "version": "22.0.0rc1",
    "webapi_port": null,
    "webapi_url": "https://mriqc.nimh.nih.gov/api/v1"
  },
  "size_t": 245,
  "size_x": 80,
  "size_y": 80,
  "size_z": 37,
  "snr": 5.136209042672803,
  "spacing_tr": 2.0,
  "spacing_x": 3.0,
  "spacing_y": 3.0,
  "spacing_z": 3.299999952316284,
  "summary_bg_k": 41.92535694602634,
  "summary_bg_mad": 64.49045350085865,
  "summary_bg_mean": 563.5424194335938,
  "summary_bg_median": 63.03779983520508,
  "summary_bg_n": 163467.0,
  "summary_bg_p05": 5.847176933288575,
  "summary_bg_p95": 2896.3914306640495,
  "summary_bg_stdv": 1642.2933349609375,
  "summary_fg_k": 3.585566008028926,
  "summary_fg_mad": 4130.315498404713,
  "summary_fg_mean": 26484.515625,
  "summary_fg_median": 25964.375,
  "summary_fg_n": 32101.0,
  "summary_fg_p05": 19500.34765625,
  "summary_fg_p95": 34568.1640625,
  "summary_fg_stdv": 5055.08447265625,
  "tsnr": 83.94756317138672
}