{
  "aor": 0.00016960167714884697,
  "aqi": 0.01146154423480084,
  "bids_meta": {
    "AcquisitionNumber": 6,
    "BidsifyVersion": "0.3.5",
    "ConversionSoftware": "dcm2niix",
    "ConversionSoftwareVersion": "v1.0.20181125  GCC6.3.0",
    "EchoTime": 0.02762,
    "EffectiveEchoSpacing": 0.0006333282667071997,
    "ImageComments": "piop",
    "ImageOrientationPatientDICOM": [
      0.996797,
      -0.0799221,
      0.00271787,
      0.0789748,
      0.978505,
      -0.190504
    ],
    "Manufacturer": "Philips",
    "NumberOfVolumesDiscardedByScanner": 2,
    "ParallelAcquisitionTechnique": "SENSE",
    "ParallelReductionFactorInPlane": 2,
    "PatientPosition": "HFS",
    "PhaseEncodingDirection": "j",
    "PhilipsRescaleIntercept": 0,
    "PhilipsRescaleSlope": 0.80488,
    "PhilipsScaleSlope": 0.087347,
    "ProtocolName": "WIPpioprsSENSE",
    "PulseSequenceType": "gradient echo EPI",
    "ReconMatrixPE": 80,
    "RepetitionTime": 0.75,
    "SeriesDescription": "ImageMRSERIES",
    "SeriesNumber": 6,
    "SliceEncodingDirection": "k",
    "SliceTiming": [
      0.0,
      0.06755050505050506,
      0.1351010101010101,
      0.20265151515151517,
      0.2702020202020202,
      0.3377525252525253,
      0.40530303030303033,
      0.47285353535353536,
      0.5404040404040404,
      0.6079545454545455,
      0.6755050505050506,
      0.7430555555555556,
      0.0,
      0.06755050505050506,
      0.1351010101010101,
      0.20265151515151517,
      0.2702020202020202,
      0.3377525252525253,
      0.40530303030303033,
      0.47285353535353536,
      0.5404040404040404,
      0.6079545454545455,
      0.6755050505050506,
      0.7430555555555556,
      0.0,
      0.06755050505050506,
      0.1351010101010101,
      0.20265151515151517,
      0.2702020202020202,
      0.3377525252525253,
      0.40530303030303033,
      0.47285353535353536,
      0.5404040404040404,
      0.6079545454545455,
      0.6755050505050506,
      0.7430555555555556
    ],
    "TaskName": "restingstate",
    "TotalReadoutTime": 0.024699802401580786,
    "UsePhilipsFloatNotDisplayScaling": 1,
    "acq_id": "mb3",
    "dataset": "ds002785",
    "modality": "bold",
    "subject_id": "0049",
    "task_id": "restingstate"
  },
  "dummy_trs": 3,
  "dvars_nstd": 35.14247421460082,
  "dvars_std": 1.1596021755882366,
  "dvars_vstd": 0.9898909383823532,
  "efc": 0.4205227646069086,
  "fber": 130268.8515625,
  "fd_mean": 0.1396326016472738,
  "fd_num": 89,
  "fd_perc": 18.658280922431867,
  "fwhm_avg": 1.7758093010600307,
  "fwhm_x": 1.7462833333333334,
  "fwhm_y": 1.8930566666666666,
  "fwhm_z": 1.688087903180092,
  "gcor": 0.0104057,
  "gsr_x": -0.02411278523504734,
  "gsr_y": 0.017000148072838783,
  "provenance": {
    "md5sum": "d6b8cf540ca3febed731b6d22782f4a9",
    "settings": {
      "fd_thres": 0.2,
      "testing": false
    },
    "software": "mriqc",
    "version": "22.0.0rc1",
    "webapi_port": null,
    "webapi_url": "https://mriqc.nimh.nih.gov/api/v1"
  },
  "size_t": 477,
  "size_x": 80,
  "size_y": 80,
  "size_z": 36,
  "snr": 6.4396492192181,
  "spacing_tr": 0.75,
  "spacing_x": 3.0,
  "spacing_y": 3.0,
  "spacing_z": 3.299999952316284,
  "summary_bg_k": 37.82980370900295,
  "summary_bg_mad": 54.00763619507713,
  "summary_bg_mean": 409.4259033203125,
  "summary_bg_median": 45.920448303222656,
  "summary_bg_n": 157943.0,
  "summary_bg_p05": 1.8220396518707276,
  "summary_bg_p95": 2044.52724609375,
  "summary_bg_stdv": 1085.468994140625,
  "summary_fg_k": 1.084056652840525,
  "summary_fg_mad": 2477.9466387578464,
  "summary_fg_mean": 16859.076171875,
  "summary_fg_median": 16724.734375,
  "summary_fg_n": 32038.0,
  "summary_fg_p05": 12951.85849609375,
  "summary_fg_p95": 21221.775097656246,
  "summary_fg_stdv": 2597.109375,
  "tsnr": 45.05060577392578
}