{
  "aor": 0.0025102222222222227,
  "aqi": 0.006343334666666666,
  "bids_meta": {
    "AcquisitionNumber": 5,
    "BidsifyVersion": "0.3.5",
    "ConversionSoftware": "dcm2niix",
    "ConversionSoftwareVersion": "v1.0.20181125  GCC6.3.0",
    "EchoTime": 0.02762,
    "EffectiveEchoSpacing": 0.0006621159151938905,
    "ImageComments": "piop",
    "ImageOrientationPatientDICOM": [
      0.987683,
      0.15587,
      -0.0136349,
      -0.155727,
      0.970826,
      -0.182337
    ],
    "Manufacturer": "Philips",
    "NumberOfVolumesDiscardedByScanner": 2,
    "ParallelAcquisitionTechnique": "SENSE",
    "ParallelReductionFactorInPlane": 2,
    "PatientPosition": "HFS",
    "PhaseEncodingDirection": "j",
    "PhilipsRescaleIntercept": 0,
    "PhilipsRescaleSlope": 0.75922,
    "PhilipsScaleSlope": 0.0592965,
    "ProtocolName": "WIPpiopharririSENSE",
    "PulseSequenceType": "gradient echo EPI",
    "ReconMatrixPE": 80,
    "RepetitionTime": 2,
    "SeriesDescription": "ImageMRSERIES",
    "SeriesNumber": 5,
    "SliceEncodingDirection": "k",
    "SliceTiming": [
      0.0,
      0.0541,
      0.1081,
      0.1622,
      0.2162,
      0.2703,
      0.3243,
      0.3784,
      0.4324,
      0.4865,
      0.5405,
      0.5946,
      0.6486,
      0.7027,
      0.7568,
      0.8108,
      0.8649,
      0.9189,
      0.973,
      1.027,
      1.0811,
      1.1351,
      1.1892,
      1.2432,
      1.2973,
      1.3514,
      1.4054,
      1.4595,
      1.5135,
      1.5676,
      1.6216,
      1.6757,
      1.7297,
      1.7838,
      1.8378,
      1.8919,
      1.9459
    ],
    "TaskName": "emomatching",
    "TotalReadoutTime": 0.025822520692561732,
    "UsePhilipsFloatNotDisplayScaling": 1,
    "acq_id": "seq",
    "dataset": "ds002785",
    "modality": "bold",
    "subject_id": "0167",
    "task_id": "emomatching"
  },
  "dummy_trs": 0,
  "dvars_nstd": 24.996662018731328,
  "dvars_std": 1.244663111044776,
  "dvars_vstd": 1.0000923753731343,
  "efc": 0.4470408985485206,
  "fber": 134768.125,
  "fd_mean": 0.21054487543083925,
  "fd_num": 52,
  "fd_perc": 38.51851851851852,
  "fwhm_avg": 1.8617354632894105,
  "fwhm_x": 1.7899833333333335,
  "fwhm_y": 1.9798200000000001,
  "fwhm_z": 1.815403056534898,
  "gcor": 0.0245447,
  "gsr_x": -0.01228244137018919,
  "gsr_y": 0.015363998711109161,
  "provenance": {
    "md5sum": "4c8aa999f636dd592bb2c66e3e25d4c7",
    "settings": {
      "fd_thres": 0.2,
      "testing": false
    },
    "software": "mriqc",
    "version": "22.0.0rc1",
    "webapi_port": null,
    "webapi_url": "https://mriqc.nimh.nih.gov/api/v1"
  },
  "size_t": 135,
  "size_x": 80,
  "size_y": 80,
  "size_z": 37,
  "snr": 4.7740739473214795,
  "spacing_tr": 2.0,
  "spacing_x": 3.0,
  "spacing_y": 3.0,
  "spacing_z": 3.299999952316284,
  "summary_bg_k": 25.652134486341453,
  "summary_bg_mad": 71.46431670096547,
  "summary_bg_mean": 699.77685546875,
  "summary_bg_median": 62.924869537353516,
  "summary_bg_n": 157151.0,
  "summary_bg_p05": 5.636429071426392,
  "summary_bg_p95": 4083.810546875,
  "summary_bg_stdv": 1715.9129638671875,
  "summary_fg_k": 1.9237094496534333,
  "summary_fg_mad": 4390.630911758226,
  "summary_fg_mean": 24344.84765625,
  "summary_fg_median": 23680.1796875,
  "summary_fg_n": 38315.0,
  "summary_fg_p05": 17694.4712890625,
  "summary_fg_p95": 33295.66523437499,
  "summary_fg_stdv": 4960.09716796875,
  "tsnr": 64.51509094238281
}