{
  "aor": 0.0005373999999999999,
  "aqi": 0.00401386475,
  "bids_meta": {
    "AcquisitionNumber": 9,
    "BidsifyVersion": "0.3.5",
    "ConversionSoftware": "dcm2niix",
    "ConversionSoftwareVersion": "v1.0.20181125  GCC6.3.0",
    "EchoTime": 0.02762,
    "EffectiveEchoSpacing": 0.0006621159151938905,
    "ImageComments": "Piop",
    "ImageOrientationPatientDICOM": [
      0.998208,
      0.0304763,
      0.0515076,
      -0.0252673,
      0.994775,
      -0.098918
    ],
    "Manufacturer": "Philips",
    "NumberOfVolumesDiscardedByScanner": 2,
    "ParallelAcquisitionTechnique": "SENSE",
    "ParallelReductionFactorInPlane": 2,
    "PatientPosition": "HFS",
    "PhaseEncodingDirection": "j",
    "PhilipsRescaleIntercept": 0,
    "PhilipsRescaleSlope": 0.77338,
    "PhilipsScaleSlope": 0.0522308,
    "ProtocolName": "WIPpiopanticipatieSENSE",
    "PulseSequenceType": "gradient echo EPI",
    "ReconMatrixPE": 80,
    "RepetitionTime": 2,
    "SeriesDescription": "ImageMRSERIES",
    "SeriesNumber": 9,
    "SliceEncodingDirection": "k",
    "SliceTiming": [
      0.0,
      0.0541,
      0.1081,
      0.1622,
      0.2162,
      0.2703,
      0.3243,
      0.3784,
      0.4324,
      0.4865,
      0.5405,
      0.5946,
      0.6486,
      0.7027,
      0.7568,
      0.8108,
      0.8649,
      0.9189,
      0.973,
      1.027,
      1.0811,
      1.1351,
      1.1892,
      1.2432,
      1.2973,
      1.3514,
      1.4054,
      1.4595,
      1.5135,
      1.5676,
      1.6216,
      1.6757,
      1.7297,
      1.7838,
      1.8378,
      1.8919,
      1.9459
    ],
    "TaskName": "anticipation",
    "TotalReadoutTime": 0.025822520692561732,
    "UsePhilipsFloatNotDisplayScaling": 1,
    "acq_id": "seq",
    "dataset": "ds002785",
    "modality": "bold",
    "subject_id": "0092",
    "task_id": "anticipation"
  },
  "dummy_trs": 0,
  "dvars_nstd": 25.658535358341716,
  "dvars_std": 1.3363249140703513,
  "dvars_vstd": 0.9917082095477386,
  "efc": 0.4652142486663954,
  "fber": 115127.7578125,
  "fd_mean": 0.11796181959039193,
  "fd_num": 9,
  "fd_perc": 4.5,
  "fwhm_avg": 1.8830026347313245,
  "fwhm_x": 1.7870566666666667,
  "fwhm_y": 2.1036966666666665,
  "fwhm_z": 1.7582545708606399,
  "gcor": 0.0165869,
  "gsr_x": -0.016300156712532043,
  "gsr_y": 0.022180527448654175,
  "provenance": {
    "md5sum": "d2b1f3e8089a1dfcba64fe34f1b4c633",
    "settings": {
      "fd_thres": 0.2,
      "testing": false
    },
    "software": "mriqc",
    "version": "22.0.0rc1",
    "webapi_port": null,
    "webapi_url": "https://mriqc.nimh.nih.gov/api/v1"
  },
  "size_t": 200,
  "size_x": 80,
  "size_y": 80,
  "size_z": 37,
  "snr": 4.941991301429909,
  "spacing_tr": 2.0,
  "spacing_x": 3.0,
  "spacing_y": 3.0,
  "spacing_z": 3.299999952316284,
  "summary_bg_k": 31.76424778844695,
  "summary_bg_mad": 75.40457851456198,
  "summary_bg_mean": 902.0745239257812,
  "summary_bg_median": 70.65902709960938,
  "summary_bg_n": 153875.0,
  "summary_bg_p05": 7.76052680015564,
  "summary_bg_p95": 5278.6871582031235,
  "summary_bg_stdv": 2333.34375,
  "summary_fg_k": 2.0117019631124,
  "summary_fg_mad": 4453.333113200435,
  "summary_fg_mean": 25293.623046875,
  "summary_fg_median": 24702.1484375,
  "summary_fg_n": 39902.0,
  "summary_fg_p05": 18235.3205078125,
  "summary_fg_p95": 33720.26660156249,
  "summary_fg_stdv": 4998.357421875,
  "tsnr": 79.7220458984375
}