{
  "bids_meta": {
    "AcquisitionNumber": 4,
    "BidsifyVersion": "0.3.5",
    "ConversionSoftware": "dcm2niix",
    "ConversionSoftwareVersion": "v1.0.20181125  GCC6.3.0",
    "EchoTime": 0.00383,
    "ImageComments": "piop",
    "ImageOrientationPatientDICOM": [
      0.999569,
      0.0279658,
      0.00898293,
      -0.0256509,
      0.980083,
      -0.196926
    ],
    "Manufacturer": "Philips",
    "PatientPosition": "HFS",
    "PhilipsRescaleIntercept": 0,
    "PhilipsRescaleSlope": 9.16435,
    "PhilipsScaleSlope": 0.00732068,
    "ProtocolName": "WIPt13dSENSE",
    "ReconMatrixPE": 240,
    "RepetitionTime": 0.008319,
    "SeriesDescription": "ImageMRSERIES",
    "SeriesNumber": 4,
    "UsePhilipsFloatNotDisplayScaling": 1,
    "dataset": "ds002785",
    "modality": "T1w",
    "subject_id": "0168"
  },
  "cjv": 0.35309845612887025,
  "cnr": 3.591498751128364,
  "efc": 0.790755049566796,
  "fber": 1418.232421875,
  "fwhm_avg": 3.6600699999999997,
  "fwhm_x": 3.56028,
  "fwhm_y": 3.89878,
  "fwhm_z": 3.52115,
  "icvs_csf": 0.21839328806536462,
  "icvs_gm": 0.4075303544536238,
  "icvs_wm": 0.3740763574810116,
  "inu_med": 1.7241096496582031,
  "inu_range": 0.5938550472259521,
  "provenance": {
    "md5sum": "f883be3ec5309e7196fbf0795b93cd2e",
    "settings": {
      "testing": false
    },
    "software": "mriqc",
    "version": "22.0.0rc1",
    "warnings": {
      "large_rot_frame": true,
      "small_air_mask": true
    },
    "webapi_port": null,
    "webapi_url": "https://mriqc.nimh.nih.gov/api/v1"
  },
  "qi_1": 0.0,
  "qi_2": 0.0002827764148695159,
  "rpve_csf": 21.871283708938286,
  "rpve_gm": 12.094872153408142,
  "rpve_wm": 17.20017541630634,
  "size_x": 240,
  "size_y": 240,
  "size_z": 220,
  "snr_csf": 2.719115046597396,
  "snr_gm": 7.1481162023535845,
  "snr_total": 9.778462025945222,
  "snr_wm": 19.46815482888469,
  "snrd_csf": 23.15957955520842,
  "snrd_gm": 39.419028020670666,
  "snrd_total": 41.6848319576502,
  "snrd_wm": 62.47588829707152,
  "spacing_x": 1.0,
  "spacing_y": 1.0,
  "spacing_z": 1.0,
  "summary_bg_k": 1.2617492932404097,
  "summary_bg_mad": 10.486175011487532,
  "summary_bg_mean": 14.476021766662598,
  "summary_bg_median": 14.119667053222656,
  "summary_bg_n": 177242.0,
  "summary_bg_p05": 0.0,
  "summary_bg_p95": 35.57564048767089,
  "summary_bg_stdv": 11.391937255859375,
  "summary_csf_k": 5.701103612208858,
  "summary_csf_mad": 124.15621723372499,
  "summary_csf_mean": 336.3657531738281,
  "summary_csf_median": 370.6944274902344,
  "summary_csf_n": 9691.0,
  "summary_csf_p05": 90.64718627929688,
  "summary_csf_p95": 503.6675720214844,
  "summary_csf_stdv": 136.32203674316406,
  "summary_gm_k": 0.3410832717839196,
  "summary_gm_mad": 84.77192632435708,
  "summary_gm_mean": 637.071533203125,
  "summary_gm_median": 630.9447021484375,
  "summary_gm_n": 20184.0,
  "summary_gm_p05": 501.82128448486327,
  "summary_gm_p95": 794.3710296630859,
  "summary_gm_stdv": 88.26508331298828,
  "summary_wm_k": 1.1688135292976698,
  "summary_wm_mad": 45.53916235681581,
  "summary_wm_mean": 997.0534057617188,
  "summary_wm_median": 999.9949951171875,
  "summary_wm_n": 262969.0,
  "summary_wm_p05": 906.8762939453125,
  "summary_wm_p95": 1074.5478515625,
  "summary_wm_stdv": 51.36558151245117,
  "tpm_overlap_csf": 0.16076968610286713,
  "tpm_overlap_gm": 0.43968573212623596,
  "tpm_overlap_wm": 0.5072774291038513,
  "wm2max": 0.7083518577991624
}