{
  "aor": 0.00036781818181818183,
  "aqi": 0.011668541757575758,
  "bids_meta": {
    "AcquisitionNumber": 2,
    "BidsifyVersion": "0.3.5",
    "ConversionSoftware": "dcm2niix",
    "ConversionSoftwareVersion": "v1.0.20181125  GCC6.3.0",
    "EchoTime": 0.02762,
    "EffectiveEchoSpacing": 0.0006333282667071997,
    "ImageComments": "piop",
    "ImageOrientationPatientDICOM": [
      0.999361,
      -0.0223136,
      0.0279109,
      0.0268674,
      0.984167,
      -0.175195
    ],
    "Manufacturer": "Philips",
    "NumberOfVolumesDiscardedByScanner": 2,
    "ParallelAcquisitionTechnique": "SENSE",
    "ParallelReductionFactorInPlane": 2,
    "PatientPosition": "HFS",
    "PhaseEncodingDirection": "j",
    "PhilipsRescaleIntercept": 0,
    "PhilipsRescaleSlope": 0.80049,
    "PhilipsScaleSlope": 0.102768,
    "ProtocolName": "WIPpiopfacesSENSE",
    "PulseSequenceType": "gradient echo EPI",
    "ReconMatrixPE": 80,
    "RepetitionTime": 0.75,
    "SeriesDescription": "ImageMRSERIES",
    "SeriesNumber": 2,
    "SliceEncodingDirection": "k",
    "SliceTiming": [
      0.0,
      0.06755050505050506,
      0.1351010101010101,
      0.20265151515151517,
      0.2702020202020202,
      0.3377525252525253,
      0.40530303030303033,
      0.47285353535353536,
      0.5404040404040404,
      0.6079545454545455,
      0.6755050505050506,
      0.7430555555555556,
      0.0,
      0.06755050505050506,
      0.1351010101010101,
      0.20265151515151517,
      0.2702020202020202,
      0.3377525252525253,
      0.40530303030303033,
      0.47285353535353536,
      0.5404040404040404,
      0.6079545454545455,
      0.6755050505050506,
      0.7430555555555556,
      0.0,
      0.06755050505050506,
      0.1351010101010101,
      0.20265151515151517,
      0.2702020202020202,
      0.3377525252525253,
      0.40530303030303033,
      0.47285353535353536,
      0.5404040404040404,
      0.6079545454545455,
      0.6755050505050506,
      0.7430555555555556
    ],
    "TaskName": "faces",
    "TotalReadoutTime": 0.024699802401580786,
    "UsePhilipsFloatNotDisplayScaling": 1,
    "acq_id": "mb3",
    "dataset": "ds002785",
    "modality": "bold",
    "subject_id": "0081",
    "task_id": "faces"
  },
  "dummy_trs": 0,
  "dvars_nstd": 30.01415878796352,
  "dvars_std": 1.1304440952887538,
  "dvars_vstd": 1.0060166404255326,
  "efc": 0.4700135959610521,
  "fber": 169235.90625,
  "fd_mean": 0.07434140913841059,
  "fd_num": 0,
  "fd_perc": 0.0,
  "fwhm_avg": 1.798923442584354,
  "fwhm_x": 1.7894933333333334,
  "fwhm_y": 1.8963133333333333,
  "fwhm_z": 1.7109636610863954,
  "gcor": 0.0232604,
  "gsr_x": -0.011740224435925484,
  "gsr_y": 0.009559879079461098,
  "provenance": {
    "md5sum": "cabe615470c6f217af747a93fbf21103",
    "settings": {
      "fd_thres": 0.2,
      "testing": false
    },
    "software": "mriqc",
    "version": "22.0.0rc1",
    "webapi_port": null,
    "webapi_url": "https://mriqc.nimh.nih.gov/api/v1"
  },
  "size_t": 330,
  "size_x": 80,
  "size_y": 80,
  "size_z": 36,
  "snr": 6.7240393221295065,
  "spacing_tr": 0.75,
  "spacing_x": 3.0,
  "spacing_y": 3.0,
  "spacing_z": 3.299999952316284,
  "summary_bg_k": 44.522576925617614,
  "summary_bg_mad": 51.2969012414171,
  "summary_bg_mean": 472.7484436035156,
  "summary_bg_median": 42.33922576904297,
  "summary_bg_n": 147035.0,
  "summary_bg_p05": 1.564610767364502,
  "summary_bg_p95": 2673.1264160156225,
  "summary_bg_stdv": 1282.80126953125,
  "summary_fg_k": 1.2219839877354897,
  "summary_fg_mad": 2544.636229369747,
  "summary_fg_mean": 17930.880859375,
  "summary_fg_median": 17829.42578125,
  "summary_fg_n": 41731.0,
  "summary_fg_p05": 13833.501953125,
  "summary_fg_p95": 22292.376953125,
  "summary_fg_stdv": 2651.562744140625,
  "tsnr": 49.01156234741211
}