{
  "aor": 0.00094925,
  "aqi": 0.0053333043,
  "bids_meta": {
    "AcquisitionNumber": 9,
    "BidsifyVersion": "0.3.5",
    "ConversionSoftware": "dcm2niix",
    "ConversionSoftwareVersion": "v1.0.20181125  GCC6.3.0",
    "EchoTime": 0.02762,
    "EffectiveEchoSpacing": 0.0006621159151938905,
    "ImageComments": "piop",
    "ImageOrientationPatientDICOM": [
      0.999361,
      -0.0223136,
      0.0279109,
      0.0268674,
      0.984167,
      -0.175195
    ],
    "Manufacturer": "Philips",
    "NumberOfVolumesDiscardedByScanner": 2,
    "ParallelAcquisitionTechnique": "SENSE",
    "ParallelReductionFactorInPlane": 2,
    "PatientPosition": "HFS",
    "PhaseEncodingDirection": "j",
    "PhilipsRescaleIntercept": 0,
    "PhilipsRescaleSlope": 0.81636,
    "PhilipsScaleSlope": 0.067412,
    "ProtocolName": "WIPpiopanticipatieSENSE",
    "PulseSequenceType": "gradient echo EPI",
    "ReconMatrixPE": 80,
    "RepetitionTime": 2,
    "SeriesDescription": "ImageMRSERIES",
    "SeriesNumber": 9,
    "SliceEncodingDirection": "k",
    "SliceTiming": [
      0.0,
      0.0541,
      0.1081,
      0.1622,
      0.2162,
      0.2703,
      0.3243,
      0.3784,
      0.4324,
      0.4865,
      0.5405,
      0.5946,
      0.6486,
      0.7027,
      0.7568,
      0.8108,
      0.8649,
      0.9189,
      0.973,
      1.027,
      1.0811,
      1.1351,
      1.1892,
      1.2432,
      1.2973,
      1.3514,
      1.4054,
      1.4595,
      1.5135,
      1.5676,
      1.6216,
      1.6757,
      1.7297,
      1.7838,
      1.8378,
      1.8919,
      1.9459
    ],
    "TaskName": "anticipation",
    "TotalReadoutTime": 0.025822520692561732,
    "UsePhilipsFloatNotDisplayScaling": 1,
    "acq_id": "seq",
    "dataset": "ds002785",
    "modality": "bold",
    "subject_id": "0081",
    "task_id": "anticipation"
  },
  "dummy_trs": 0,
  "dvars_nstd": 24.00637332361809,
  "dvars_std": 1.2857099814070352,
  "dvars_vstd": 1.0033101500502513,
  "efc": 0.46401011117509344,
  "fber": 157757.34375,
  "fd_mean": 0.10031802534414343,
  "fd_num": 8,
  "fd_perc": 4.0,
  "fwhm_avg": 1.766061624308876,
  "fwhm_x": 1.74437,
  "fwhm_y": 1.8622966666666667,
  "fwhm_z": 1.6915182062599619,
  "gcor": 0.0315982,
  "gsr_x": -0.00959867238998413,
  "gsr_y": 0.011688575148582458,
  "provenance": {
    "md5sum": "67f40027edd8e284a50cbba265cf2b4b",
    "settings": {
      "fd_thres": 0.2,
      "testing": false
    },
    "software": "mriqc",
    "version": "22.0.0rc1",
    "webapi_port": null,
    "webapi_url": "https://mriqc.nimh.nih.gov/api/v1"
  },
  "size_t": 200,
  "size_x": 80,
  "size_y": 80,
  "size_z": 37,
  "snr": 5.703311104464816,
  "spacing_tr": 2.0,
  "spacing_x": 3.0,
  "spacing_y": 3.0,
  "spacing_z": 3.299999952316284,
  "summary_bg_k": 60.38417456960087,
  "summary_bg_mad": 61.94890675946378,
  "summary_bg_mean": 591.663330078125,
  "summary_bg_median": 55.1015739440918,
  "summary_bg_n": 151986.0,
  "summary_bg_p05": 2.337007462978363,
  "summary_bg_p95": 3449.9354248046875,
  "summary_bg_stdv": 1675.6734619140625,
  "summary_fg_k": 2.4237387472150553,
  "summary_fg_mad": 3752.7442029536483,
  "summary_fg_mean": 22824.75,
  "summary_fg_median": 22455.740234375,
  "summary_fg_n": 42464.0,
  "summary_fg_p05": 17156.10244140625,
  "summary_fg_p95": 29153.13955078125,
  "summary_fg_stdv": 3937.27001953125,
  "tsnr": 77.01294708251953
}