{
  "aor": 0.001047111111111111,
  "aqi": 0.004689107333333333,
  "bids_meta": {
    "AcquisitionNumber": 5,
    "BidsifyVersion": "0.3.5",
    "ConversionSoftware": "dcm2niix",
    "ConversionSoftwareVersion": "v1.0.20181125  GCC6.3.0",
    "EchoTime": 0.02762,
    "EffectiveEchoSpacing": 0.0006621159151938905,
    "ImageComments": "piop",
    "ImageOrientationPatientDICOM": [
      0.999361,
      -0.0223136,
      0.0279109,
      0.0268674,
      0.984167,
      -0.175195
    ],
    "Manufacturer": "Philips",
    "NumberOfVolumesDiscardedByScanner": 2,
    "ParallelAcquisitionTechnique": "SENSE",
    "ParallelReductionFactorInPlane": 2,
    "PatientPosition": "HFS",
    "PhaseEncodingDirection": "j",
    "PhilipsRescaleIntercept": 0,
    "PhilipsRescaleSlope": 0.80415,
    "PhilipsScaleSlope": 0.0632854,
    "ProtocolName": "WIPpiopharririSENSE",
    "PulseSequenceType": "gradient echo EPI",
    "ReconMatrixPE": 80,
    "RepetitionTime": 2,
    "SeriesDescription": "ImageMRSERIES",
    "SeriesNumber": 5,
    "SliceEncodingDirection": "k",
    "SliceTiming": [
      0.0,
      0.0541,
      0.1081,
      0.1622,
      0.2162,
      0.2703,
      0.3243,
      0.3784,
      0.4324,
      0.4865,
      0.5405,
      0.5946,
      0.6486,
      0.7027,
      0.7568,
      0.8108,
      0.8649,
      0.9189,
      0.973,
      1.027,
      1.0811,
      1.1351,
      1.1892,
      1.2432,
      1.2973,
      1.3514,
      1.4054,
      1.4595,
      1.5135,
      1.5676,
      1.6216,
      1.6757,
      1.7297,
      1.7838,
      1.8378,
      1.8919,
      1.9459
    ],
    "TaskName": "emomatching",
    "TotalReadoutTime": 0.025822520692561732,
    "UsePhilipsFloatNotDisplayScaling": 1,
    "acq_id": "seq",
    "dataset": "ds002785",
    "modality": "bold",
    "subject_id": "0081",
    "task_id": "emomatching"
  },
  "dummy_trs": 0,
  "dvars_nstd": 23.29540009298506,
  "dvars_std": 1.2980982413432836,
  "dvars_vstd": 1.006544563283582,
  "efc": 0.46284323176784614,
  "fber": 160408.125,
  "fd_mean": 0.09821750060699423,
  "fd_num": 2,
  "fd_perc": 1.4814814814814814,
  "fwhm_avg": 1.781617685001401,
  "fwhm_x": 1.7549700000000001,
  "fwhm_y": 1.8804133333333333,
  "fwhm_z": 1.7094697216708694,
  "gcor": 0.0302368,
  "gsr_x": -0.009634857065975666,
  "gsr_y": 0.01148260198533535,
  "provenance": {
    "md5sum": "2c6800cfb703a5119548ae9932614fc0",
    "settings": {
      "fd_thres": 0.2,
      "testing": false
    },
    "software": "mriqc",
    "version": "22.0.0rc1",
    "webapi_port": null,
    "webapi_url": "https://mriqc.nimh.nih.gov/api/v1"
  },
  "size_t": 135,
  "size_x": 80,
  "size_y": 80,
  "size_z": 37,
  "snr": 5.651648193073945,
  "spacing_tr": 2.0,
  "spacing_x": 3.0,
  "spacing_y": 3.0,
  "spacing_z": 3.299999952316284,
  "summary_bg_k": 65.31773107438893,
  "summary_bg_mad": 62.304436857275704,
  "summary_bg_mean": 580.8069458007812,
  "summary_bg_median": 55.20277404785156,
  "summary_bg_n": 151866.0,
  "summary_bg_p05": 2.3519678115844727,
  "summary_bg_p95": 3389.8150634765625,
  "summary_bg_stdv": 1671.6671142578125,
  "summary_fg_k": 2.331751169796873,
  "summary_fg_mad": 3849.9169059761125,
  "summary_fg_mean": 23082.9765625,
  "summary_fg_median": 22721.6796875,
  "summary_fg_n": 42532.0,
  "summary_fg_p05": 17278.61982421875,
  "summary_fg_p95": 29615.931445312497,
  "summary_fg_stdv": 4020.316162109375,
  "tsnr": 80.76766967773438
}