{
  "aor": 0.00040452083333333334,
  "aqi": 0.012071077874999999,
  "bids_meta": {
    "AcquisitionNumber": 6,
    "BidsifyVersion": "0.3.5",
    "ConversionSoftware": "dcm2niix",
    "ConversionSoftwareVersion": "v1.0.20181125  GCC6.3.0",
    "EchoTime": 0.02762,
    "EffectiveEchoSpacing": 0.0006333282667071997,
    "ImageComments": "piop",
    "ImageOrientationPatientDICOM": [
      0.999361,
      -0.0223136,
      0.0279109,
      0.0268674,
      0.984167,
      -0.175195
    ],
    "Manufacturer": "Philips",
    "NumberOfVolumesDiscardedByScanner": 2,
    "ParallelAcquisitionTechnique": "SENSE",
    "ParallelReductionFactorInPlane": 2,
    "PatientPosition": "HFS",
    "PhaseEncodingDirection": "j",
    "PhilipsRescaleIntercept": 0,
    "PhilipsRescaleSlope": 0.78877,
    "PhilipsScaleSlope": 0.0945439,
    "ProtocolName": "WIPpioprsSENSE",
    "PulseSequenceType": "gradient echo EPI",
    "ReconMatrixPE": 80,
    "RepetitionTime": 0.75,
    "SeriesDescription": "ImageMRSERIES",
    "SeriesNumber": 6,
    "SliceEncodingDirection": "k",
    "SliceTiming": [
      0.0,
      0.06755050505050506,
      0.1351010101010101,
      0.20265151515151517,
      0.2702020202020202,
      0.3377525252525253,
      0.40530303030303033,
      0.47285353535353536,
      0.5404040404040404,
      0.6079545454545455,
      0.6755050505050506,
      0.7430555555555556,
      0.0,
      0.06755050505050506,
      0.1351010101010101,
      0.20265151515151517,
      0.2702020202020202,
      0.3377525252525253,
      0.40530303030303033,
      0.47285353535353536,
      0.5404040404040404,
      0.6079545454545455,
      0.6755050505050506,
      0.7430555555555556,
      0.0,
      0.06755050505050506,
      0.1351010101010101,
      0.20265151515151517,
      0.2702020202020202,
      0.3377525252525253,
      0.40530303030303033,
      0.47285353535353536,
      0.5404040404040404,
      0.6079545454545455,
      0.6755050505050506,
      0.7430555555555556
    ],
    "TaskName": "restingstate",
    "TotalReadoutTime": 0.024699802401580786,
    "UsePhilipsFloatNotDisplayScaling": 1,
    "acq_id": "mb3",
    "dataset": "ds002785",
    "modality": "bold",
    "subject_id": "0081",
    "task_id": "restingstate"
  },
  "dummy_trs": 0,
  "dvars_nstd": 31.246507596993755,
  "dvars_std": 1.1479888992275578,
  "dvars_vstd": 1.002446034217119,
  "efc": 0.47096942472762393,
  "fber": 176638.34375,
  "fd_mean": 0.06945205619662254,
  "fd_num": 0,
  "fd_perc": 0.0,
  "fwhm_avg": 1.7492046544851148,
  "fwhm_x": 1.7373933333333333,
  "fwhm_y": 1.8450266666666666,
  "fwhm_z": 1.665193963455344,
  "gcor": 0.0207229,
  "gsr_x": -0.010740689933300018,
  "gsr_y": 0.010481740348041058,
  "provenance": {
    "md5sum": "2e279f72618098dec9fea2176f8c039f",
    "settings": {
      "fd_thres": 0.2,
      "testing": false
    },
    "software": "mriqc",
    "version": "22.0.0rc1",
    "webapi_port": null,
    "webapi_url": "https://mriqc.nimh.nih.gov/api/v1"
  },
  "size_t": 480,
  "size_x": 80,
  "size_y": 80,
  "size_z": 36,
  "snr": 6.945266043189955,
  "spacing_tr": 0.75,
  "spacing_x": 3.0,
  "spacing_y": 3.0,
  "spacing_z": 3.299999952316284,
  "summary_bg_k": 43.37219866331074,
  "summary_bg_mad": 49.796290281717205,
  "summary_bg_mean": 473.0371398925781,
  "summary_bg_median": 40.36536407470703,
  "summary_bg_n": 147042.0,
  "summary_bg_p05": 1.0178294479846954,
  "summary_bg_p95": 2711.405871582031,
  "summary_bg_stdv": 1277.22802734375,
  "summary_fg_k": 1.5220363081795405,
  "summary_fg_mad": 2374.584361043867,
  "summary_fg_mean": 17461.90625,
  "summary_fg_median": 17391.5390625,
  "summary_fg_n": 41810.0,
  "summary_fg_p05": 13586.95712890625,
  "summary_fg_p95": 21521.331347656247,
  "summary_fg_stdv": 2504.055419921875,
  "tsnr": 49.280513763427734
}