{
  "aor": 0.0014338271604938271,
  "aqi": 0.005308671543209877,
  "bids_meta": {
    "AcquisitionNumber": 8,
    "BidsifyVersion": "0.3.5",
    "ConversionSoftware": "dcm2niix",
    "ConversionSoftwareVersion": "v1.0.20181125  GCC6.3.0",
    "EchoTime": 0.02762,
    "EffectiveEchoSpacing": 0.0006621159151938905,
    "ImageComments": "piop",
    "ImageOrientationPatientDICOM": [
      0.999361,
      -0.0223136,
      0.0279109,
      0.0268674,
      0.984167,
      -0.175195
    ],
    "Manufacturer": "Philips",
    "NumberOfVolumesDiscardedByScanner": 2,
    "ParallelAcquisitionTechnique": "SENSE",
    "ParallelReductionFactorInPlane": 2,
    "PatientPosition": "HFS",
    "PhaseEncodingDirection": "j",
    "PhilipsRescaleIntercept": 0,
    "PhilipsRescaleSlope": 0.76093,
    "PhilipsScaleSlope": 0.068045,
    "ProtocolName": "WIPpiopwmSENSE",
    "PulseSequenceType": "gradient echo EPI",
    "ReconMatrixPE": 80,
    "RepetitionTime": 2,
    "SeriesDescription": "ImageMRSERIES",
    "SeriesNumber": 8,
    "SliceEncodingDirection": "k",
    "SliceTiming": [
      0.0,
      0.0541,
      0.1081,
      0.1622,
      0.2162,
      0.2703,
      0.3243,
      0.3784,
      0.4324,
      0.4865,
      0.5405,
      0.5946,
      0.6486,
      0.7027,
      0.7568,
      0.8108,
      0.8649,
      0.9189,
      0.973,
      1.027,
      1.0811,
      1.1351,
      1.1892,
      1.2432,
      1.2973,
      1.3514,
      1.4054,
      1.4595,
      1.5135,
      1.5676,
      1.6216,
      1.6757,
      1.7297,
      1.7838,
      1.8378,
      1.8919,
      1.9459
    ],
    "TaskName": "workingmemory",
    "TotalReadoutTime": 0.025822520692561732,
    "UsePhilipsFloatNotDisplayScaling": 1,
    "acq_id": "seq",
    "dataset": "ds002785",
    "modality": "bold",
    "subject_id": "0081",
    "task_id": "workingmemory"
  },
  "dummy_trs": 0,
  "dvars_nstd": 24.57283585099378,
  "dvars_std": 1.3249152776397517,
  "dvars_vstd": 1.0166042509937891,
  "efc": 0.4637844139455699,
  "fber": 154142.03125,
  "fd_mean": 0.11217299006388555,
  "fd_num": 8,
  "fd_perc": 4.938271604938271,
  "fwhm_avg": 1.7845077859973586,
  "fwhm_x": 1.7582833333333332,
  "fwhm_y": 1.8887066666666668,
  "fwhm_z": 1.7065333579920763,
  "gcor": 0.0305349,
  "gsr_x": -0.009298532269895077,
  "gsr_y": 0.010953512974083424,
  "provenance": {
    "md5sum": "256d6d6fb498bd67f4c47c13a56b53a3",
    "settings": {
      "fd_thres": 0.2,
      "testing": false
    },
    "software": "mriqc",
    "version": "22.0.0rc1",
    "webapi_port": null,
    "webapi_url": "https://mriqc.nimh.nih.gov/api/v1"
  },
  "size_t": 162,
  "size_x": 80,
  "size_y": 80,
  "size_z": 37,
  "snr": 5.6646400056308,
  "spacing_tr": 2.0,
  "spacing_x": 3.0,
  "spacing_y": 3.0,
  "spacing_z": 3.299999952316284,
  "summary_bg_k": 55.25536297987451,
  "summary_bg_mad": 62.9162151493676,
  "summary_bg_mean": 582.6526489257812,
  "summary_bg_median": 55.62498474121094,
  "summary_bg_n": 151922.0,
  "summary_bg_p05": 2.7062816500663756,
  "summary_bg_p95": 3405.2579833984346,
  "summary_bg_stdv": 1646.018798828125,
  "summary_fg_k": 2.3219841439950786,
  "summary_fg_mad": 3762.8574612507787,
  "summary_fg_mean": 22764.203125,
  "summary_fg_median": 22398.27734375,
  "summary_fg_n": 42566.0,
  "summary_fg_p05": 17058.82763671875,
  "summary_fg_p95": 29157.05224609375,
  "summary_fg_stdv": 3954.0048828125,
  "tsnr": 75.83995819091797
}