{
  "bids_meta": {
    "AcquisitionNumber": 4,
    "BidsifyVersion": "0.3.5",
    "ConversionSoftware": "dcm2niix",
    "ConversionSoftwareVersion": "v1.0.20181125  GCC6.3.0",
    "EchoTime": 0.00384,
    "ImageComments": "Piop",
    "ImageOrientationPatientDICOM": [
      0.994954,
      0.081706,
      -0.0582372,
      -0.0896725,
      0.984492,
      -0.150781
    ],
    "Manufacturer": "Philips",
    "PatientPosition": "HFS",
    "PhilipsRescaleIntercept": 0,
    "PhilipsRescaleSlope": 9.15653,
    "PhilipsScaleSlope": 0.00697985,
    "ProtocolName": "WIPt13dSENSE",
    "ReconMatrixPE": 240,
    "RepetitionTime": 0.008343,
    "SeriesDescription": "ImageMRSERIES",
    "SeriesNumber": 4,
    "UsePhilipsFloatNotDisplayScaling": 1,
    "dataset": "ds002785",
    "modality": "T1w",
    "subject_id": "0030"
  },
  "cjv": 0.34746583377325496,
  "cnr": 3.741214446555356,
  "efc": 0.7644540490671485,
  "fber": 1264.601806640625,
  "fwhm_avg": 4.091073411300187,
  "fwhm_x": 3.924200233900561,
  "fwhm_y": 4.2618,
  "fwhm_z": 4.08722,
  "icvs_csf": 0.22088479722551252,
  "icvs_gm": 0.4170009643698365,
  "icvs_wm": 0.36211423840465096,
  "inu_med": 0.5559999942779541,
  "inu_range": 0.2260403662919998,
  "provenance": {
    "md5sum": "c8ca3301494c1cf753db063e4a25581b",
    "settings": {
      "testing": false
    },
    "software": "mriqc",
    "version": "22.0.0rc1",
    "warnings": {
      "large_rot_frame": true,
      "small_air_mask": false
    },
    "webapi_port": null,
    "webapi_url": "https://mriqc.nimh.nih.gov/api/v1"
  },
  "qi_1": 9.100220535131692e-05,
  "qi_2": 0.00023595694656556188,
  "rpve_csf": 22.540685565389282,
  "rpve_gm": 12.572329265314607,
  "rpve_wm": 18.17585327607766,
  "size_x": 240,
  "size_y": 240,
  "size_z": 220,
  "snr_csf": 2.2837793290055797,
  "snr_gm": 7.8072264526061,
  "snr_total": 9.842374765635563,
  "snr_wm": 19.436118515295014,
  "snrd_csf": 18.385562323928543,
  "snrd_gm": 36.48085986775135,
  "snrd_total": 37.45089326909399,
  "snrd_wm": 57.486257615602064,
  "spacing_x": 0.9999999403953552,
  "spacing_y": 1.0,
  "spacing_z": 1.0,
  "summary_bg_k": 40.371610858739686,
  "summary_bg_mad": 11.396459668135117,
  "summary_bg_mean": 15.671699523925781,
  "summary_bg_median": 15.027359962463379,
  "summary_bg_n": 269505.0,
  "summary_bg_p05": 0.0,
  "summary_bg_p95": 45.52353210449218,
  "summary_bg_stdv": 16.886442184448242,
  "summary_csf_k": 14.261838633006498,
  "summary_csf_mad": 158.62635685054798,
  "summary_csf_mean": 303.7864685058594,
  "summary_csf_median": 319.8270263671875,
  "summary_csf_n": 11249.0,
  "summary_csf_p05": 86.07649536132813,
  "summary_csf_p95": 500.4341735839844,
  "summary_csf_stdv": 140.03665161132812,
  "summary_gm_k": 0.2943681172950203,
  "summary_gm_mad": 79.97002894123942,
  "summary_gm_mean": 638.1654663085938,
  "summary_gm_median": 634.604736328125,
  "summary_gm_n": 27403.0,
  "summary_gm_p05": 510.28224182128906,
  "summary_gm_p95": 776.63349609375,
  "summary_gm_stdv": 81.28279113769531,
  "summary_wm_k": 0.9957638586924733,
  "summary_wm_mad": 46.99416486361216,
  "summary_wm_mean": 998.562255859375,
  "summary_wm_median": 1000.0052490234375,
  "summary_wm_n": 237193.0,
  "summary_wm_p05": 912.2302368164062,
  "summary_wm_p95": 1078.8801513671874,
  "summary_wm_stdv": 51.45076370239258,
  "tpm_overlap_csf": 0.1673395037651062,
  "tpm_overlap_gm": 0.45819851756095886,
  "tpm_overlap_wm": 0.508782684803009,
  "wm2max": 0.7040169800936568
}