{
  "aor": 0.0018306666666666666,
  "aqi": 0.003569942074074074,
  "bids_meta": {
    "AcquisitionNumber": 5,
    "BidsifyVersion": "0.3.5",
    "ConversionSoftware": "dcm2niix",
    "ConversionSoftwareVersion": "v1.0.20181125  GCC6.3.0",
    "EchoTime": 0.02762,
    "EffectiveEchoSpacing": 0.0006621159151938905,
    "ImageComments": "Piop",
    "ImageOrientationPatientDICOM": [
      0.999367,
      -0.0152535,
      0.0321539,
      0.0265184,
      0.921715,
      -0.38696
    ],
    "Manufacturer": "Philips",
    "NumberOfVolumesDiscardedByScanner": 2,
    "ParallelAcquisitionTechnique": "SENSE",
    "ParallelReductionFactorInPlane": 2,
    "PatientPosition": "HFS",
    "PhaseEncodingDirection": "j",
    "PhilipsRescaleIntercept": 0,
    "PhilipsRescaleSlope": 0.75385,
    "PhilipsScaleSlope": 0.0541309,
    "ProtocolName": "WIPpiopharririSENSE",
    "PulseSequenceType": "gradient echo EPI",
    "ReconMatrixPE": 80,
    "RepetitionTime": 2,
    "SeriesDescription": "ImageMRSERIES",
    "SeriesNumber": 5,
    "SliceEncodingDirection": "k",
    "SliceTiming": [
      0.0,
      0.0541,
      0.1081,
      0.1622,
      0.2162,
      0.2703,
      0.3243,
      0.3784,
      0.4324,
      0.4865,
      0.5405,
      0.5946,
      0.6486,
      0.7027,
      0.7568,
      0.8108,
      0.8649,
      0.9189,
      0.973,
      1.027,
      1.0811,
      1.1351,
      1.1892,
      1.2432,
      1.2973,
      1.3514,
      1.4054,
      1.4595,
      1.5135,
      1.5676,
      1.6216,
      1.6757,
      1.7297,
      1.7838,
      1.8378,
      1.8919,
      1.9459
    ],
    "TaskName": "emomatching",
    "TotalReadoutTime": 0.025822520692561732,
    "UsePhilipsFloatNotDisplayScaling": 1,
    "acq_id": "seq",
    "dataset": "ds002785",
    "modality": "bold",
    "subject_id": "0132",
    "task_id": "emomatching"
  },
  "dummy_trs": 0,
  "dvars_nstd": 24.62907113574626,
  "dvars_std": 1.342585312537313,
  "dvars_vstd": 1.0221844244029852,
  "efc": 0.39214388881998885,
  "fber": 195094.421875,
  "fd_mean": 0.1375287019124766,
  "fd_num": 25,
  "fd_perc": 18.51851851851852,
  "fwhm_avg": 1.7957232407414299,
  "fwhm_x": 1.7553400000000001,
  "fwhm_y": 1.88406,
  "fwhm_z": 1.7477697222242894,
  "gcor": 0.0399674,
  "gsr_x": -0.021945685148239136,
  "gsr_y": 0.013690548948943615,
  "provenance": {
    "md5sum": "45162b9fb481bdc1013fd01daaadaf84",
    "settings": {
      "fd_thres": 0.2,
      "testing": false
    },
    "software": "mriqc",
    "version": "22.0.0rc1",
    "webapi_port": null,
    "webapi_url": "https://mriqc.nimh.nih.gov/api/v1"
  },
  "size_t": 135,
  "size_x": 80,
  "size_y": 80,
  "size_z": 37,
  "snr": 5.406156670869155,
  "spacing_tr": 2.0,
  "spacing_x": 3.0,
  "spacing_y": 3.0,
  "spacing_z": 3.299999952316284,
  "summary_bg_k": 90.87381755273132,
  "summary_bg_mad": 52.85450836293992,
  "summary_bg_mean": 417.5262451171875,
  "summary_bg_median": 56.2545280456543,
  "summary_bg_n": 165305.0,
  "summary_bg_p05": 3.367866897583008,
  "summary_bg_p95": 2146.758691406248,
  "summary_bg_stdv": 1381.6390380859375,
  "summary_fg_k": 1.310609810173454,
  "summary_fg_mad": 4529.847839217393,
  "summary_fg_mean": 25942.11328125,
  "summary_fg_median": 25412.7734375,
  "summary_fg_n": 30937.0,
  "summary_fg_p05": 19247.205078125,
  "summary_fg_p95": 34018.614843749994,
  "summary_fg_stdv": 4700.6337890625,
  "tsnr": 87.10892486572266
}