{
  "aor": 0.0011892,
  "aqi": 0.004554832050000001,
  "bids_meta": {
    "AcquisitionNumber": 9,
    "BidsifyVersion": "0.3.5",
    "ConversionSoftware": "dcm2niix",
    "ConversionSoftwareVersion": "v1.0.20181125  GCC6.3.0",
    "EchoTime": 0.02762,
    "EffectiveEchoSpacing": 0.0006621159151938905,
    "ImageComments": "Piop",
    "ImageOrientationPatientDICOM": [
      0.999367,
      -0.0152535,
      0.0321539,
      0.0265184,
      0.921715,
      -0.38696
    ],
    "Manufacturer": "Philips",
    "NumberOfVolumesDiscardedByScanner": 2,
    "ParallelAcquisitionTechnique": "SENSE",
    "ParallelReductionFactorInPlane": 2,
    "PatientPosition": "HFS",
    "PhaseEncodingDirection": "j",
    "PhilipsRescaleIntercept": 0,
    "PhilipsRescaleSlope": 0.75385,
    "PhilipsScaleSlope": 0.0569279,
    "ProtocolName": "WIPpiopanticipatieSENSE",
    "PulseSequenceType": "gradient echo EPI",
    "ReconMatrixPE": 80,
    "RepetitionTime": 2,
    "SeriesDescription": "ImageMRSERIES",
    "SeriesNumber": 9,
    "SliceEncodingDirection": "k",
    "SliceTiming": [
      0.0,
      0.0541,
      0.1081,
      0.1622,
      0.2162,
      0.2703,
      0.3243,
      0.3784,
      0.4324,
      0.4865,
      0.5405,
      0.5946,
      0.6486,
      0.7027,
      0.7568,
      0.8108,
      0.8649,
      0.9189,
      0.973,
      1.027,
      1.0811,
      1.1351,
      1.1892,
      1.2432,
      1.2973,
      1.3514,
      1.4054,
      1.4595,
      1.5135,
      1.5676,
      1.6216,
      1.6757,
      1.7297,
      1.7838,
      1.8378,
      1.8919,
      1.9459
    ],
    "TaskName": "anticipation",
    "TotalReadoutTime": 0.025822520692561732,
    "UsePhilipsFloatNotDisplayScaling": 1,
    "acq_id": "seq",
    "dataset": "ds002785",
    "modality": "bold",
    "subject_id": "0132",
    "task_id": "anticipation"
  },
  "dummy_trs": 0,
  "dvars_nstd": 24.717354213668344,
  "dvars_std": 1.326365311608041,
  "dvars_vstd": 1.0022276519597997,
  "efc": 0.3910613367411786,
  "fber": 195415.96875,
  "fd_mean": 0.1284587441913242,
  "fd_num": 28,
  "fd_perc": 14.0,
  "fwhm_avg": 1.767359806174362,
  "fwhm_x": 1.7415200000000002,
  "fwhm_y": 1.8592199999999999,
  "fwhm_z": 1.7013394185230866,
  "gcor": 0.0355297,
  "gsr_x": -0.021200112998485565,
  "gsr_y": 0.013410569168627262,
  "provenance": {
    "md5sum": "9f822764532899d906944922ccb3f376",
    "settings": {
      "fd_thres": 0.2,
      "testing": false
    },
    "software": "mriqc",
    "version": "22.0.0rc1",
    "webapi_port": null,
    "webapi_url": "https://mriqc.nimh.nih.gov/api/v1"
  },
  "size_t": 200,
  "size_x": 80,
  "size_y": 80,
  "size_z": 37,
  "snr": 5.554896015866759,
  "spacing_tr": 2.0,
  "spacing_x": 3.0,
  "spacing_y": 3.0,
  "spacing_z": 3.299999952316284,
  "summary_bg_k": 102.42872800767485,
  "summary_bg_mad": 51.88065140414361,
  "summary_bg_mean": 406.38995361328125,
  "summary_bg_median": 55.616676330566406,
  "summary_bg_n": 165680.0,
  "summary_bg_p05": 3.7786097288131715,
  "summary_bg_p95": 2111.9169433593743,
  "summary_bg_stdv": 1339.0123291015625,
  "summary_fg_k": 1.311240160544032,
  "summary_fg_mad": 4386.715915274985,
  "summary_fg_mean": 25637.646484375,
  "summary_fg_median": 25157.298828125,
  "summary_fg_n": 30763.0,
  "summary_fg_p05": 19193.152734375002,
  "summary_fg_p95": 33290.50273437499,
  "summary_fg_stdv": 4528.77783203125,
  "tsnr": 80.59970092773438
}