{
  "aor": 0.0011901234567901235,
  "aqi": 0.004715212160493827,
  "bids_meta": {
    "AcquisitionNumber": 8,
    "BidsifyVersion": "0.3.5",
    "ConversionSoftware": "dcm2niix",
    "ConversionSoftwareVersion": "v1.0.20181125  GCC6.3.0",
    "EchoTime": 0.02762,
    "EffectiveEchoSpacing": 0.0006621159151938905,
    "ImageComments": "Piop",
    "ImageOrientationPatientDICOM": [
      0.999367,
      -0.0152535,
      0.0321539,
      0.0265184,
      0.921715,
      -0.38696
    ],
    "Manufacturer": "Philips",
    "NumberOfVolumesDiscardedByScanner": 2,
    "ParallelAcquisitionTechnique": "SENSE",
    "ParallelReductionFactorInPlane": 2,
    "PatientPosition": "HFS",
    "PhaseEncodingDirection": "j",
    "PhilipsRescaleIntercept": 0,
    "PhilipsRescaleSlope": 0.78974,
    "PhilipsScaleSlope": 0.0528216,
    "ProtocolName": "WIPpiopwmSENSE",
    "PulseSequenceType": "gradient echo EPI",
    "ReconMatrixPE": 80,
    "RepetitionTime": 2,
    "SeriesDescription": "ImageMRSERIES",
    "SeriesNumber": 8,
    "SliceEncodingDirection": "k",
    "SliceTiming": [
      0.0,
      0.0541,
      0.1081,
      0.1622,
      0.2162,
      0.2703,
      0.3243,
      0.3784,
      0.4324,
      0.4865,
      0.5405,
      0.5946,
      0.6486,
      0.7027,
      0.7568,
      0.8108,
      0.8649,
      0.9189,
      0.973,
      1.027,
      1.0811,
      1.1351,
      1.1892,
      1.2432,
      1.2973,
      1.3514,
      1.4054,
      1.4595,
      1.5135,
      1.5676,
      1.6216,
      1.6757,
      1.7297,
      1.7838,
      1.8378,
      1.8919,
      1.9459
    ],
    "TaskName": "workingmemory",
    "TotalReadoutTime": 0.025822520692561732,
    "UsePhilipsFloatNotDisplayScaling": 1,
    "acq_id": "seq",
    "dataset": "ds002785",
    "modality": "bold",
    "subject_id": "0132",
    "task_id": "workingmemory"
  },
  "dummy_trs": 0,
  "dvars_nstd": 24.746967540683222,
  "dvars_std": 1.3131455044720497,
  "dvars_vstd": 1.0098774222981375,
  "efc": 0.3910731344587628,
  "fber": 197640.65625,
  "fd_mean": 0.1364175736132992,
  "fd_num": 26,
  "fd_perc": 16.049382716049383,
  "fwhm_avg": 1.795216675066386,
  "fwhm_x": 1.76278,
  "fwhm_y": 1.8789366666666665,
  "fwhm_z": 1.7439333585324917,
  "gcor": 0.044246,
  "gsr_x": -0.021512789651751518,
  "gsr_y": 0.013690344989299774,
  "provenance": {
    "md5sum": "564b2a1e9a8d16e0278605dafe26fc59",
    "settings": {
      "fd_thres": 0.2,
      "testing": false
    },
    "software": "mriqc",
    "version": "22.0.0rc1",
    "webapi_port": null,
    "webapi_url": "https://mriqc.nimh.nih.gov/api/v1"
  },
  "size_t": 162,
  "size_x": 80,
  "size_y": 80,
  "size_z": 37,
  "snr": 5.428783603088266,
  "spacing_tr": 2.0,
  "spacing_x": 3.0,
  "spacing_y": 3.0,
  "spacing_z": 3.299999952316284,
  "summary_bg_k": 92.70876203638626,
  "summary_bg_mad": 53.53017249386452,
  "summary_bg_mean": 410.6831970214844,
  "summary_bg_median": 55.383018493652344,
  "summary_bg_n": 165623.0,
  "summary_bg_p05": 3.7988874673843385,
  "summary_bg_p95": 2112.7464843749995,
  "summary_bg_stdv": 1350.9061279296875,
  "summary_fg_k": 1.3624237320070192,
  "summary_fg_mad": 4465.3575384198575,
  "summary_fg_mean": 25662.30859375,
  "summary_fg_median": 25160.681640625,
  "summary_fg_n": 30773.0,
  "summary_fg_p05": 19060.08046875,
  "summary_fg_p95": 33478.475,
  "summary_fg_stdv": 4634.60595703125,
  "tsnr": 76.44363403320312
}