{
  "aor": 0.0033591875,
  "aqi": 0.0066646713125,
  "bids_meta": {
    "AcquisitionNumber": 9,
    "BidsifyVersion": "0.3.5",
    "ConversionSoftware": "dcm2niix",
    "ConversionSoftwareVersion": "v1.0.20181125  GCC6.3.0",
    "EchoTime": 0.02762,
    "EffectiveEchoSpacing": 0.0006621159151938905,
    "ImageComments": "piop",
    "ImageOrientationPatientDICOM": [
      0.999102,
      0.0367058,
      -0.0211775,
      -0.0375085,
      0.998541,
      -0.0388415
    ],
    "Manufacturer": "Philips",
    "NumberOfVolumesDiscardedByScanner": 2,
    "ParallelAcquisitionTechnique": "SENSE",
    "ParallelReductionFactorInPlane": 2,
    "PatientPosition": "HFS",
    "PhaseEncodingDirection": "j",
    "PhilipsRescaleIntercept": 0,
    "PhilipsRescaleSlope": 0.76386,
    "PhilipsScaleSlope": 0.0583543,
    "ProtocolName": "WIPpiopwmSENSE",
    "PulseSequenceType": "gradient echo EPI",
    "ReconMatrixPE": 80,
    "RepetitionTime": 2,
    "SeriesDescription": "ImageMRSERIES",
    "SeriesNumber": 9,
    "SliceEncodingDirection": "k",
    "SliceTiming": [
      0.0,
      0.0541,
      0.1081,
      0.1622,
      0.2162,
      0.2703,
      0.3243,
      0.3784,
      0.4324,
      0.4865,
      0.5405,
      0.5946,
      0.6486,
      0.7027,
      0.7568,
      0.8108,
      0.8649,
      0.9189,
      0.973,
      1.027,
      1.0811,
      1.1351,
      1.1892,
      1.2432,
      1.2973,
      1.3514,
      1.4054,
      1.4595,
      1.5135,
      1.5676,
      1.6216,
      1.6757,
      1.7297,
      1.7838,
      1.8378,
      1.8919,
      1.9459
    ],
    "TaskName": "workingmemory",
    "TotalReadoutTime": 0.025822520692561732,
    "UsePhilipsFloatNotDisplayScaling": 1,
    "acq_id": "seq",
    "dataset": "ds002785",
    "modality": "bold",
    "subject_id": "0131",
    "task_id": "workingmemory"
  },
  "dummy_trs": 2,
  "dvars_nstd": 23.774803701383654,
  "dvars_std": 1.2030375689308166,
  "dvars_vstd": 0.9905753057232702,
  "efc": 0.4418499028114647,
  "fber": 134932.34375,
  "fd_mean": 0.15806560780824258,
  "fd_num": 27,
  "fd_perc": 16.875,
  "fwhm_avg": 1.8994625338169264,
  "fwhm_x": 1.8508033333333334,
  "fwhm_y": 2.06946,
  "fwhm_z": 1.7781242681174463,
  "gcor": 0.0293415,
  "gsr_x": -0.014075545594096184,
  "gsr_y": 0.025036389008164406,
  "provenance": {
    "md5sum": "fa00fd0fe31fda63f8e01e32b7a82b07",
    "settings": {
      "fd_thres": 0.2,
      "testing": false
    },
    "software": "mriqc",
    "version": "22.0.0rc1",
    "webapi_port": null,
    "webapi_url": "https://mriqc.nimh.nih.gov/api/v1"
  },
  "size_t": 160,
  "size_x": 80,
  "size_y": 80,
  "size_z": 37,
  "snr": 4.919818716381891,
  "spacing_tr": 2.0,
  "spacing_x": 3.0,
  "spacing_y": 3.0,
  "spacing_z": 3.299999952316284,
  "summary_bg_k": 57.11304783857502,
  "summary_bg_mad": 72.87816283437901,
  "summary_bg_mean": 646.5516357421875,
  "summary_bg_median": 61.11408615112305,
  "summary_bg_n": 157405.0,
  "summary_bg_p05": 3.241509246826172,
  "summary_bg_p95": 3615.4906738281247,
  "summary_bg_stdv": 1768.1719970703125,
  "summary_fg_k": 2.093485912314362,
  "summary_fg_mad": 4026.9734906429403,
  "summary_fg_mean": 23634.16796875,
  "summary_fg_median": 23036.8984375,
  "summary_fg_n": 37924.0,
  "summary_fg_p05": 17254.895703125,
  "summary_fg_p95": 31774.957617187498,
  "summary_fg_stdv": 4682.4072265625,
  "tsnr": 63.50015640258789
}