{
  "aor": 0.0007964489795918366,
  "aqi": 0.00799341812244898,
  "bids_meta": {
    "AcquisitionNumber": 3,
    "BidsifyVersion": "0.3.5",
    "ConversionSoftware": "dcm2niix",
    "ConversionSoftwareVersion": "v1.0.20181125  GCC6.3.0",
    "EchoTime": 0.02762,
    "EffectiveEchoSpacing": 0.0006621159151938905,
    "ImageComments": "piop",
    "ImageOrientationPatientDICOM": [
      0.999102,
      0.0367058,
      -0.0211775,
      -0.0375085,
      0.998541,
      -0.0388415
    ],
    "Manufacturer": "Philips",
    "NumberOfVolumesDiscardedByScanner": 2,
    "ParallelAcquisitionTechnique": "SENSE",
    "ParallelReductionFactorInPlane": 2,
    "PatientPosition": "HFS",
    "PhaseEncodingDirection": "j",
    "PhilipsRescaleIntercept": 0,
    "PhilipsRescaleSlope": 0.77485,
    "PhilipsScaleSlope": 0.0554843,
    "ProtocolName": "WIPpiopgstroopSENSE",
    "PulseSequenceType": "gradient echo EPI",
    "ReconMatrixPE": 80,
    "RepetitionTime": 2,
    "SeriesDescription": "ImageMRSERIES",
    "SeriesNumber": 3,
    "SliceEncodingDirection": "k",
    "SliceTiming": [
      0.0,
      0.0541,
      0.1081,
      0.1622,
      0.2162,
      0.2703,
      0.3243,
      0.3784,
      0.4324,
      0.4865,
      0.5405,
      0.5946,
      0.6486,
      0.7027,
      0.7568,
      0.8108,
      0.8649,
      0.9189,
      0.973,
      1.027,
      1.0811,
      1.1351,
      1.1892,
      1.2432,
      1.2973,
      1.3514,
      1.4054,
      1.4595,
      1.5135,
      1.5676,
      1.6216,
      1.6757,
      1.7297,
      1.7838,
      1.8378,
      1.8919,
      1.9459
    ],
    "TaskName": "gstroop",
    "TotalReadoutTime": 0.025822520692561732,
    "UsePhilipsFloatNotDisplayScaling": 1,
    "acq_id": "seq",
    "dataset": "ds002785",
    "modality": "bold",
    "subject_id": "0131",
    "task_id": "gstroop"
  },
  "dummy_trs": 0,
  "dvars_nstd": 21.38259840368851,
  "dvars_std": 1.1480071281147537,
  "dvars_vstd": 0.9566544011065575,
  "efc": 0.4421340210411217,
  "fber": 148765.90625,
  "fd_mean": 0.10216807903526783,
  "fd_num": 4,
  "fd_perc": 1.6326530612244898,
  "fwhm_avg": 1.8219083919047112,
  "fwhm_x": 1.7849866666666667,
  "fwhm_y": 2.0060233333333333,
  "fwhm_z": 1.674715175714134,
  "gcor": 0.0161065,
  "gsr_x": -0.015005748718976974,
  "gsr_y": 0.024706469848752022,
  "provenance": {
    "md5sum": "70e816ab17e35cae5dfca9e96eb06c22",
    "settings": {
      "fd_thres": 0.2,
      "testing": false
    },
    "software": "mriqc",
    "version": "22.0.0rc1",
    "webapi_port": null,
    "webapi_url": "https://mriqc.nimh.nih.gov/api/v1"
  },
  "size_t": 245,
  "size_x": 80,
  "size_y": 80,
  "size_z": 37,
  "snr": 5.0775344771697934,
  "spacing_tr": 2.0,
  "spacing_x": 3.0,
  "spacing_y": 3.0,
  "spacing_z": 3.299999952316284,
  "summary_bg_k": 65.84295638677999,
  "summary_bg_mad": 68.98994316160639,
  "summary_bg_mean": 646.7698364257812,
  "summary_bg_median": 59.647796630859375,
  "summary_bg_n": 157237.0,
  "summary_bg_p05": 3.064673519134522,
  "summary_bg_p95": 3566.9220703124884,
  "summary_bg_stdv": 1793.2054443359375,
  "summary_fg_k": 2.559291857980071,
  "summary_fg_mad": 3894.009843439364,
  "summary_fg_mean": 24262.91015625,
  "summary_fg_median": 23629.3359375,
  "summary_fg_n": 38080.0,
  "summary_fg_p05": 18013.898046875,
  "summary_fg_p95": 32339.47851562499,
  "summary_fg_stdv": 4653.6416015625,
  "tsnr": 64.31281280517578
}