{
  "aor": 0.005444300000000001,
  "aqi": 0.006275779150000001,
  "bids_meta": {
    "AcquisitionNumber": 10,
    "BidsifyVersion": "0.3.5",
    "ConversionSoftware": "dcm2niix",
    "ConversionSoftwareVersion": "v1.0.20181125  GCC6.3.0",
    "EchoTime": 0.02762,
    "EffectiveEchoSpacing": 0.0006621159151938905,
    "ImageComments": "piop",
    "ImageOrientationPatientDICOM": [
      0.999102,
      0.0367058,
      -0.0211775,
      -0.0375085,
      0.998541,
      -0.0388415
    ],
    "Manufacturer": "Philips",
    "NumberOfVolumesDiscardedByScanner": 2,
    "ParallelAcquisitionTechnique": "SENSE",
    "ParallelReductionFactorInPlane": 2,
    "PatientPosition": "HFS",
    "PhaseEncodingDirection": "j",
    "PhilipsRescaleIntercept": 0,
    "PhilipsRescaleSlope": 0.77582,
    "PhilipsScaleSlope": 0.0574604,
    "ProtocolName": "WIPpiopanticipatieSENSE",
    "PulseSequenceType": "gradient echo EPI",
    "ReconMatrixPE": 80,
    "RepetitionTime": 2,
    "SeriesDescription": "ImageMRSERIES",
    "SeriesNumber": 10,
    "SliceEncodingDirection": "k",
    "SliceTiming": [
      0.0,
      0.0541,
      0.1081,
      0.1622,
      0.2162,
      0.2703,
      0.3243,
      0.3784,
      0.4324,
      0.4865,
      0.5405,
      0.5946,
      0.6486,
      0.7027,
      0.7568,
      0.8108,
      0.8649,
      0.9189,
      0.973,
      1.027,
      1.0811,
      1.1351,
      1.1892,
      1.2432,
      1.2973,
      1.3514,
      1.4054,
      1.4595,
      1.5135,
      1.5676,
      1.6216,
      1.6757,
      1.7297,
      1.7838,
      1.8378,
      1.8919,
      1.9459
    ],
    "TaskName": "anticipation",
    "TotalReadoutTime": 0.025822520692561732,
    "UsePhilipsFloatNotDisplayScaling": 1,
    "acq_id": "seq",
    "dataset": "ds002785",
    "modality": "bold",
    "subject_id": "0131",
    "task_id": "anticipation"
  },
  "dummy_trs": 0,
  "dvars_nstd": 22.295958916381913,
  "dvars_std": 1.2484131141206025,
  "dvars_vstd": 1.0480226602010052,
  "efc": 0.441716479139404,
  "fber": 153206.203125,
  "fd_mean": 0.12175007357044516,
  "fd_num": 20,
  "fd_perc": 10.0,
  "fwhm_avg": 1.8692796041986621,
  "fwhm_x": 1.83797,
  "fwhm_y": 2.0592900000000003,
  "fwhm_z": 1.7105788125959862,
  "gcor": 0.0225226,
  "gsr_x": -0.014393655583262444,
  "gsr_y": 0.025295821949839592,
  "provenance": {
    "md5sum": "61a90f965e7be913e97c21c0d229ffd8",
    "settings": {
      "fd_thres": 0.2,
      "testing": false
    },
    "software": "mriqc",
    "version": "22.0.0rc1",
    "webapi_port": null,
    "webapi_url": "https://mriqc.nimh.nih.gov/api/v1"
  },
  "size_t": 200,
  "size_x": 80,
  "size_y": 80,
  "size_z": 37,
  "snr": 4.912185721555087,
  "spacing_tr": 2.0,
  "spacing_x": 3.0,
  "spacing_y": 3.0,
  "spacing_z": 3.299999952316284,
  "summary_bg_k": 57.28855284822042,
  "summary_bg_mad": 65.76190802735096,
  "summary_bg_mean": 650.4314575195312,
  "summary_bg_median": 57.85453414916992,
  "summary_bg_n": 157403.0,
  "summary_bg_p05": 3.287402844429016,
  "summary_bg_p95": 3641.44494628906,
  "summary_bg_stdv": 1784.3802490234375,
  "summary_fg_k": 2.1429082791377994,
  "summary_fg_mad": 4087.928132634235,
  "summary_fg_mean": 23938.91796875,
  "summary_fg_median": 23313.638671875,
  "summary_fg_n": 37983.0,
  "summary_fg_p05": 17496.5626953125,
  "summary_fg_p95": 32288.538281250003,
  "summary_fg_stdv": 4746.02001953125,
  "tsnr": 65.94434356689453
}