{
  "aor": 0.0003436363636363636,
  "aqi": 0.0049507069999999995,
  "bids_meta": {
    "AcquisitionNumber": 2,
    "BidsifyVersion": "0.3.5",
    "ConversionSoftware": "dcm2niix",
    "ConversionSoftwareVersion": "v1.0.20181125  GCC6.3.0",
    "EchoTime": 0.02763,
    "EffectiveEchoSpacing": 0.0006333282667071997,
    "ImageComments": "piop",
    "ImageOrientationPatientDICOM": [
      0.998812,
      0.0436615,
      -0.0216376,
      -0.0444824,
      0.998247,
      -0.0390334
    ],
    "Manufacturer": "Philips",
    "NumberOfVolumesDiscardedByScanner": 2,
    "ParallelAcquisitionTechnique": "SENSE",
    "ParallelReductionFactorInPlane": 2,
    "PatientPosition": "HFS",
    "PhaseEncodingDirection": "j",
    "PhilipsRescaleIntercept": 0,
    "PhilipsRescaleSlope": 0.82882,
    "PhilipsScaleSlope": 0.0840191,
    "ProtocolName": "WIPpiopfacesSENSE",
    "PulseSequenceType": "gradient echo EPI",
    "ReconMatrixPE": 80,
    "RepetitionTime": 0.75,
    "SeriesDescription": "ImageMRSERIES",
    "SeriesNumber": 2,
    "SliceEncodingDirection": "k",
    "SliceTiming": [
      0.0,
      0.06755050505050506,
      0.1351010101010101,
      0.20265151515151517,
      0.2702020202020202,
      0.3377525252525253,
      0.40530303030303033,
      0.47285353535353536,
      0.5404040404040404,
      0.6079545454545455,
      0.6755050505050506,
      0.7430555555555556,
      0.0,
      0.06755050505050506,
      0.1351010101010101,
      0.20265151515151517,
      0.2702020202020202,
      0.3377525252525253,
      0.40530303030303033,
      0.47285353535353536,
      0.5404040404040404,
      0.6079545454545455,
      0.6755050505050506,
      0.7430555555555556,
      0.0,
      0.06755050505050506,
      0.1351010101010101,
      0.20265151515151517,
      0.2702020202020202,
      0.3377525252525253,
      0.40530303030303033,
      0.47285353535353536,
      0.5404040404040404,
      0.6079545454545455,
      0.6755050505050506,
      0.7430555555555556
    ],
    "TaskName": "faces",
    "TotalReadoutTime": 0.024699802401580786,
    "UsePhilipsFloatNotDisplayScaling": 1,
    "acq_id": "mb3",
    "dataset": "ds002785",
    "modality": "bold",
    "subject_id": "0131",
    "task_id": "faces"
  },
  "dummy_trs": 0,
  "dvars_nstd": 23.123524245471128,
  "dvars_std": 1.1124594603039515,
  "dvars_vstd": 1.0062802840729483,
  "efc": 0.4525254391264316,
  "fber": 139535.84375,
  "fd_mean": 0.09254285185894223,
  "fd_num": 4,
  "fd_perc": 1.2121212121212122,
  "fwhm_avg": 2.106821873187025,
  "fwhm_x": 2.09564,
  "fwhm_y": 2.3214799999999998,
  "fwhm_z": 1.9033456195610756,
  "gcor": 0.0211664,
  "gsr_x": -0.01671588234603405,
  "gsr_y": 0.023179112002253532,
  "provenance": {
    "md5sum": "b4faff3818ea340d08e88e8ca33a9e3b",
    "settings": {
      "fd_thres": 0.2,
      "testing": false
    },
    "software": "mriqc",
    "version": "22.0.0rc1",
    "webapi_port": null,
    "webapi_url": "https://mriqc.nimh.nih.gov/api/v1"
  },
  "size_t": 330,
  "size_x": 80,
  "size_y": 80,
  "size_z": 36,
  "snr": 5.989658545706386,
  "spacing_tr": 0.75,
  "spacing_x": 3.0,
  "spacing_y": 3.0,
  "spacing_z": 3.299999713897705,
  "summary_bg_k": 39.590787575497956,
  "summary_bg_mad": 53.56545968675015,
  "summary_bg_mean": 493.6296081542969,
  "summary_bg_median": 46.60740661621094,
  "summary_bg_n": 151699.0,
  "summary_bg_p05": 3.2096423387527473,
  "summary_bg_p95": 2659.171704101564,
  "summary_bg_stdv": 1238.066650390625,
  "summary_fg_k": 0.8252646610980259,
  "summary_fg_mad": 2767.437752604626,
  "summary_fg_mean": 17786.9453125,
  "summary_fg_median": 17637.435546875,
  "summary_fg_n": 37725.0,
  "summary_fg_p05": 13195.8369140625,
  "summary_fg_p95": 22759.216406249983,
  "summary_fg_stdv": 2944.60888671875,
  "tsnr": 65.59495544433594
}