{
  "bids_meta": {
    "AcquisitionNumber": 4,
    "BidsifyVersion": "0.3.5",
    "ConversionSoftware": "dcm2niix",
    "ConversionSoftwareVersion": "v1.0.20181125  GCC6.3.0",
    "EchoTime": 0.00384,
    "ImageComments": "Piop",
    "ImageOrientationPatientDICOM": [
      0.996506,
      -0.0443519,
      0.070767,
      0.0562368,
      0.982791,
      -0.175953
    ],
    "Manufacturer": "Philips",
    "PatientPosition": "HFS",
    "PhilipsRescaleIntercept": 0,
    "PhilipsRescaleSlope": 8.47302,
    "PhilipsScaleSlope": 0.00671433,
    "ProtocolName": "WIPt13dSENSE",
    "ReconMatrixPE": 240,
    "RepetitionTime": 0.008352,
    "SeriesDescription": "ImageMRSERIES",
    "SeriesNumber": 4,
    "UsePhilipsFloatNotDisplayScaling": 1,
    "dataset": "ds002785",
    "modality": "T1w",
    "subject_id": "0021"
  },
  "cjv": 0.31887351464026614,
  "cnr": 4.0157593772982105,
  "efc": 0.7612574480466632,
  "fber": 1455.2747802734375,
  "fwhm_avg": 3.469786738970681,
  "fwhm_x": 3.46889,
  "fwhm_y": 3.639180216912044,
  "fwhm_z": 3.30129,
  "icvs_csf": 0.22051492541032122,
  "icvs_gm": 0.41371855651814393,
  "icvs_wm": 0.3657665180715349,
  "inu_med": 1.9385172128677368,
  "inu_range": 0.4895847916603089,
  "provenance": {
    "md5sum": "e736a82d6314fc41607fc49e37d70113",
    "settings": {
      "testing": false
    },
    "software": "mriqc",
    "version": "22.0.0rc1",
    "warnings": {
      "large_rot_frame": true,
      "small_air_mask": true
    },
    "webapi_port": null,
    "webapi_url": "https://mriqc.nimh.nih.gov/api/v1"
  },
  "qi_1": 0.0,
  "qi_2": 3.510413895565955e-05,
  "rpve_csf": 23.164313802994844,
  "rpve_gm": 12.8312997063549,
  "rpve_wm": 19.051353595296103,
  "size_x": 240,
  "size_y": 240,
  "size_z": 220,
  "snr_csf": 3.8478657590964236,
  "snr_gm": 7.686435161877151,
  "snr_total": 10.289865145102029,
  "snr_wm": 19.335294514332517,
  "snrd_csf": 26.05674226705437,
  "snrd_gm": 43.91964142389872,
  "snrd_total": 47.15717414587442,
  "snrd_wm": 71.49513874667016,
  "spacing_x": 1.0,
  "spacing_y": 0.9999999403953552,
  "spacing_z": 1.0,
  "summary_bg_k": 42.85950981815178,
  "summary_bg_mad": 9.163169327772327,
  "summary_bg_mean": 14.70411205291748,
  "summary_bg_median": 12.267404556274414,
  "summary_bg_n": 237171.0,
  "summary_bg_p05": 0.0,
  "summary_bg_p95": 36.863534927368164,
  "summary_bg_stdv": 12.771443367004395,
  "summary_csf_k": 44.73942896773725,
  "summary_csf_mad": 64.72754520466256,
  "summary_csf_mean": 358.6348571777344,
  "summary_csf_median": 364.44677734375,
  "summary_csf_n": 4660.0,
  "summary_csf_p05": 209.8064262390137,
  "summary_csf_p95": 482.27320556640626,
  "summary_csf_stdv": 94.70384216308594,
  "summary_gm_k": 0.5078251997449668,
  "summary_gm_mad": 75.88816731572973,
  "summary_gm_mean": 617.2587280273438,
  "summary_gm_median": 614.2890625,
  "summary_gm_n": 16816.0,
  "summary_gm_p05": 491.24291229248047,
  "summary_gm_p95": 754.6857757568359,
  "summary_gm_stdv": 79.91621398925781,
  "summary_wm_k": 0.924653552574338,
  "summary_wm_mad": 47.09786738695246,
  "summary_wm_mean": 999.3845825195312,
  "summary_wm_median": 999.9781494140625,
  "summary_wm_n": 219664.0,
  "summary_wm_p05": 914.2560791015625,
  "summary_wm_p95": 1082.3442260742188,
  "summary_wm_stdv": 51.71764373779297,
  "tpm_overlap_csf": 0.1440395712852478,
  "tpm_overlap_gm": 0.4313936233520508,
  "tpm_overlap_wm": 0.502112627029419,
  "wm2max": 0.6556959194245616
}