{
  "aor": 0.001302901234567901,
  "aqi": 0.004727984567901235,
  "bids_meta": {
    "AcquisitionNumber": 8,
    "BidsifyVersion": "0.3.5",
    "ConversionSoftware": "dcm2niix",
    "ConversionSoftwareVersion": "v1.0.20181125  GCC6.3.0",
    "EchoTime": 0.02762,
    "EffectiveEchoSpacing": 0.0006621159151938905,
    "ImageComments": "Piop",
    "ImageOrientationPatientDICOM": [
      0.999187,
      -0.0376096,
      0.0145464,
      0.0403062,
      0.920553,
      -0.388532
    ],
    "Manufacturer": "Philips",
    "NumberOfVolumesDiscardedByScanner": 2,
    "ParallelAcquisitionTechnique": "SENSE",
    "ParallelReductionFactorInPlane": 2,
    "PatientPosition": "HFS",
    "PhaseEncodingDirection": "j",
    "PhilipsRescaleIntercept": 0,
    "PhilipsRescaleSlope": 0.78315,
    "PhilipsScaleSlope": 0.0605223,
    "ProtocolName": "WIPpiopwmSENSE",
    "PulseSequenceType": "gradient echo EPI",
    "ReconMatrixPE": 80,
    "RepetitionTime": 2,
    "SeriesDescription": "ImageMRSERIES",
    "SeriesNumber": 8,
    "SliceEncodingDirection": "k",
    "SliceTiming": [
      0.0,
      0.0541,
      0.1081,
      0.1622,
      0.2162,
      0.2703,
      0.3243,
      0.3784,
      0.4324,
      0.4865,
      0.5405,
      0.5946,
      0.6486,
      0.7027,
      0.7568,
      0.8108,
      0.8649,
      0.9189,
      0.973,
      1.027,
      1.0811,
      1.1351,
      1.1892,
      1.2432,
      1.2973,
      1.3514,
      1.4054,
      1.4595,
      1.5135,
      1.5676,
      1.6216,
      1.6757,
      1.7297,
      1.7838,
      1.8378,
      1.8919,
      1.9459
    ],
    "TaskName": "workingmemory",
    "TotalReadoutTime": 0.025822520692561732,
    "UsePhilipsFloatNotDisplayScaling": 1,
    "acq_id": "seq",
    "dataset": "ds002785",
    "modality": "bold",
    "subject_id": "0109",
    "task_id": "workingmemory"
  },
  "dummy_trs": 0,
  "dvars_nstd": 21.03898505720497,
  "dvars_std": 1.2441541027329195,
  "dvars_vstd": 1.0228986537888194,
  "efc": 0.47411122777833425,
  "fber": 137812.765625,
  "fd_mean": 0.1029855967637127,
  "fd_num": 9,
  "fd_perc": 5.555555555555555,
  "fwhm_avg": 1.784354958026248,
  "fwhm_x": 1.7096600000000002,
  "fwhm_y": 1.8721533333333333,
  "fwhm_z": 1.7712515407454106,
  "gcor": 0.0259319,
  "gsr_x": -0.025809112936258316,
  "gsr_y": 0.028853198513388634,
  "provenance": {
    "md5sum": "83a9677d201cdca486d71bb34ffc8ccb",
    "settings": {
      "fd_thres": 0.2,
      "testing": false
    },
    "software": "mriqc",
    "version": "22.0.0rc1",
    "webapi_port": null,
    "webapi_url": "https://mriqc.nimh.nih.gov/api/v1"
  },
  "size_t": 162,
  "size_x": 80,
  "size_y": 80,
  "size_z": 37,
  "snr": 5.553479470433809,
  "spacing_tr": 2.0,
  "spacing_x": 3.0,
  "spacing_y": 3.0,
  "spacing_z": 3.299999952316284,
  "summary_bg_k": 19.244935788498513,
  "summary_bg_mad": 58.375279261707306,
  "summary_bg_mean": 722.3184204101562,
  "summary_bg_median": 64.43475341796875,
  "summary_bg_n": 149983.0,
  "summary_bg_p05": 8.977402591705323,
  "summary_bg_p95": 4618.269091796874,
  "summary_bg_stdv": 1868.627685546875,
  "summary_fg_k": 1.6776065463190095,
  "summary_fg_mad": 4048.9721802015088,
  "summary_fg_mean": 25063.125,
  "summary_fg_median": 24578.890625,
  "summary_fg_n": 43801.0,
  "summary_fg_p05": 18849.662109375,
  "summary_fg_p95": 32647.919921875,
  "summary_fg_stdv": 4425.8037109375,
  "tsnr": 82.87801361083984
}