{
  "aor": 0.0015826666666666667,
  "aqi": 0.005141006074074075,
  "bids_meta": {
    "AcquisitionNumber": 5,
    "BidsifyVersion": "0.3.5",
    "ConversionSoftware": "dcm2niix",
    "ConversionSoftwareVersion": "v1.0.20181125  GCC6.3.0",
    "EchoTime": 0.02762,
    "EffectiveEchoSpacing": 0.0006621159151938905,
    "ImageComments": "Piop",
    "ImageOrientationPatientDICOM": [
      0.999187,
      -0.0376096,
      0.0145464,
      0.0403062,
      0.920553,
      -0.388532
    ],
    "Manufacturer": "Philips",
    "NumberOfVolumesDiscardedByScanner": 2,
    "ParallelAcquisitionTechnique": "SENSE",
    "ParallelReductionFactorInPlane": 2,
    "PatientPosition": "HFS",
    "PhaseEncodingDirection": "j",
    "PhilipsRescaleIntercept": 0,
    "PhilipsRescaleSlope": 0.80928,
    "PhilipsScaleSlope": 0.0621593,
    "ProtocolName": "WIPpiopharririSENSE",
    "PulseSequenceType": "gradient echo EPI",
    "ReconMatrixPE": 80,
    "RepetitionTime": 2,
    "SeriesDescription": "ImageMRSERIES",
    "SeriesNumber": 5,
    "SliceEncodingDirection": "k",
    "SliceTiming": [
      0.0,
      0.0541,
      0.1081,
      0.1622,
      0.2162,
      0.2703,
      0.3243,
      0.3784,
      0.4324,
      0.4865,
      0.5405,
      0.5946,
      0.6486,
      0.7027,
      0.7568,
      0.8108,
      0.8649,
      0.9189,
      0.973,
      1.027,
      1.0811,
      1.1351,
      1.1892,
      1.2432,
      1.2973,
      1.3514,
      1.4054,
      1.4595,
      1.5135,
      1.5676,
      1.6216,
      1.6757,
      1.7297,
      1.7838,
      1.8378,
      1.8919,
      1.9459
    ],
    "TaskName": "emomatching",
    "TotalReadoutTime": 0.025822520692561732,
    "UsePhilipsFloatNotDisplayScaling": 1,
    "acq_id": "seq",
    "dataset": "ds002785",
    "modality": "bold",
    "subject_id": "0109",
    "task_id": "emomatching"
  },
  "dummy_trs": 0,
  "dvars_nstd": 23.407083696492556,
  "dvars_std": 1.2326384157462686,
  "dvars_vstd": 1.0063523988059704,
  "efc": 0.47509120863553606,
  "fber": 137676.140625,
  "fd_mean": 0.137243638032395,
  "fd_num": 20,
  "fd_perc": 14.814814814814815,
  "fwhm_avg": 1.7867003115102544,
  "fwhm_x": 1.7109266666666667,
  "fwhm_y": 1.8885833333333333,
  "fwhm_z": 1.7605909345307629,
  "gcor": 0.0278546,
  "gsr_x": -0.025930926203727722,
  "gsr_y": 0.028806114569306374,
  "provenance": {
    "md5sum": "6ebecc6e220bf252eb492faf6c66b6ab",
    "settings": {
      "fd_thres": 0.2,
      "testing": false
    },
    "software": "mriqc",
    "version": "22.0.0rc1",
    "webapi_port": null,
    "webapi_url": "https://mriqc.nimh.nih.gov/api/v1"
  },
  "size_t": 135,
  "size_x": 80,
  "size_y": 80,
  "size_z": 37,
  "snr": 5.552819995461505,
  "spacing_tr": 2.0,
  "spacing_x": 3.0,
  "spacing_y": 3.0,
  "spacing_z": 3.299999952316284,
  "summary_bg_k": 21.175041156342566,
  "summary_bg_mad": 58.52783553704441,
  "summary_bg_mean": 719.6397094726562,
  "summary_bg_median": 64.57645416259766,
  "summary_bg_n": 149612.0,
  "summary_bg_p05": 9.058311367034912,
  "summary_bg_p95": 4562.727148437499,
  "summary_bg_stdv": 1873.2032470703125,
  "summary_fg_k": 1.7404497878954883,
  "summary_fg_mad": 4032.05980079295,
  "summary_fg_mean": 25069.236328125,
  "summary_fg_median": 24582.73828125,
  "summary_fg_n": 43986.0,
  "summary_fg_p05": 18855.03662109375,
  "summary_fg_p95": 32589.78125,
  "summary_fg_stdv": 4427.0224609375,
  "tsnr": 76.56700134277344
}