{
  "aor": 0.0023399183673469388,
  "aqi": 0.0054980192244897955,
  "bids_meta": {
    "AcquisitionNumber": 3,
    "BidsifyVersion": "0.3.5",
    "ConversionSoftware": "dcm2niix",
    "ConversionSoftwareVersion": "v1.0.20181125  GCC6.3.0",
    "EchoTime": 0.02762,
    "EffectiveEchoSpacing": 0.0006621159151938905,
    "ImageComments": "Piop",
    "ImageOrientationPatientDICOM": [
      0.999187,
      -0.0376096,
      0.0145464,
      0.0403062,
      0.920553,
      -0.388532
    ],
    "Manufacturer": "Philips",
    "NumberOfVolumesDiscardedByScanner": 2,
    "ParallelAcquisitionTechnique": "SENSE",
    "ParallelReductionFactorInPlane": 2,
    "PatientPosition": "HFS",
    "PhaseEncodingDirection": "j",
    "PhilipsRescaleIntercept": 0,
    "PhilipsRescaleSlope": 0.80928,
    "PhilipsScaleSlope": 0.0611977,
    "ProtocolName": "WIPpiopgstroopSENSE",
    "PulseSequenceType": "gradient echo EPI",
    "ReconMatrixPE": 80,
    "RepetitionTime": 2,
    "SeriesDescription": "ImageMRSERIES",
    "SeriesNumber": 3,
    "SliceEncodingDirection": "k",
    "SliceTiming": [
      0.0,
      0.0541,
      0.1081,
      0.1622,
      0.2162,
      0.2703,
      0.3243,
      0.3784,
      0.4324,
      0.4865,
      0.5405,
      0.5946,
      0.6486,
      0.7027,
      0.7568,
      0.8108,
      0.8649,
      0.9189,
      0.973,
      1.027,
      1.0811,
      1.1351,
      1.1892,
      1.2432,
      1.2973,
      1.3514,
      1.4054,
      1.4595,
      1.5135,
      1.5676,
      1.6216,
      1.6757,
      1.7297,
      1.7838,
      1.8378,
      1.8919,
      1.9459
    ],
    "TaskName": "gstroop",
    "TotalReadoutTime": 0.025822520692561732,
    "UsePhilipsFloatNotDisplayScaling": 1,
    "acq_id": "seq",
    "dataset": "ds002785",
    "modality": "bold",
    "subject_id": "0109",
    "task_id": "gstroop"
  },
  "dummy_trs": 0,
  "dvars_nstd": 23.905007690819673,
  "dvars_std": 1.3333827713114756,
  "dvars_vstd": 1.0248746618032796,
  "efc": 0.4724098428431477,
  "fber": 135667.703125,
  "fd_mean": 0.10699075014457583,
  "fd_num": 17,
  "fd_perc": 6.938775510204081,
  "fwhm_avg": 1.7581863720041773,
  "fwhm_x": 1.68361,
  "fwhm_y": 1.8536400000000002,
  "fwhm_z": 1.7373091160125318,
  "gcor": 0.0610891,
  "gsr_x": -0.024712715297937393,
  "gsr_y": 0.02798629179596901,
  "provenance": {
    "md5sum": "1e57dd3c79cc34c7d104187ccd058c54",
    "settings": {
      "fd_thres": 0.2,
      "testing": false
    },
    "software": "mriqc",
    "version": "22.0.0rc1",
    "webapi_port": null,
    "webapi_url": "https://mriqc.nimh.nih.gov/api/v1"
  },
  "size_t": 245,
  "size_x": 80,
  "size_y": 80,
  "size_z": 37,
  "snr": 5.69423572437314,
  "spacing_tr": 2.0,
  "spacing_x": 3.0,
  "spacing_y": 3.0,
  "spacing_z": 3.299999952316284,
  "summary_bg_k": 28.143170017453432,
  "summary_bg_mad": 60.145479808092944,
  "summary_bg_mean": 690.121337890625,
  "summary_bg_median": 65.18472290039062,
  "summary_bg_n": 150010.0,
  "summary_bg_p05": 8.569017791748049,
  "summary_bg_p95": 4276.757861328123,
  "summary_bg_stdv": 1828.268798828125,
  "summary_fg_k": 1.8539073355492564,
  "summary_fg_mad": 3937.400571844046,
  "summary_fg_mean": 25072.015625,
  "summary_fg_median": 24613.359375,
  "summary_fg_n": 43757.0,
  "summary_fg_p05": 19075.378125,
  "summary_fg_p95": 32502.596484375,
  "summary_fg_stdv": 4322.455078125,
  "tsnr": 77.93639373779297
}