{
  "aor": 0.0003791793313069909,
  "aqi": 0.008815738085106384,
  "bids_meta": {
    "AcquisitionNumber": 2,
    "BidsifyVersion": "0.3.5",
    "ConversionSoftware": "dcm2niix",
    "ConversionSoftwareVersion": "v1.0.20181125  GCC6.3.0",
    "EchoTime": 0.02762,
    "EffectiveEchoSpacing": 0.0006333282667071997,
    "ImageComments": "Piop",
    "ImageOrientationPatientDICOM": [
      0.999187,
      -0.0376096,
      0.0145464,
      0.0403062,
      0.920553,
      -0.388532
    ],
    "Manufacturer": "Philips",
    "NumberOfVolumesDiscardedByScanner": 2,
    "ParallelAcquisitionTechnique": "SENSE",
    "ParallelReductionFactorInPlane": 2,
    "PatientPosition": "HFS",
    "PhaseEncodingDirection": "j",
    "PhilipsRescaleIntercept": 0,
    "PhilipsRescaleSlope": 0.8486,
    "PhilipsScaleSlope": 0.0805741,
    "ProtocolName": "WIPpiopfacesSENSE",
    "PulseSequenceType": "gradient echo EPI",
    "ReconMatrixPE": 80,
    "RepetitionTime": 0.75,
    "SeriesDescription": "ImageMRSERIES",
    "SeriesNumber": 2,
    "SliceEncodingDirection": "k",
    "SliceTiming": [
      0.0,
      0.06755050505050506,
      0.1351010101010101,
      0.20265151515151517,
      0.2702020202020202,
      0.3377525252525253,
      0.40530303030303033,
      0.47285353535353536,
      0.5404040404040404,
      0.6079545454545455,
      0.6755050505050506,
      0.7430555555555556,
      0.0,
      0.06755050505050506,
      0.1351010101010101,
      0.20265151515151517,
      0.2702020202020202,
      0.3377525252525253,
      0.40530303030303033,
      0.47285353535353536,
      0.5404040404040404,
      0.6079545454545455,
      0.6755050505050506,
      0.7430555555555556,
      0.0,
      0.06755050505050506,
      0.1351010101010101,
      0.20265151515151517,
      0.2702020202020202,
      0.3377525252525253,
      0.40530303030303033,
      0.47285353535353536,
      0.5404040404040404,
      0.6079545454545455,
      0.6755050505050506,
      0.7430555555555556
    ],
    "TaskName": "faces",
    "TotalReadoutTime": 0.024699802401580786,
    "UsePhilipsFloatNotDisplayScaling": 1,
    "acq_id": "mb3",
    "dataset": "ds002785",
    "modality": "bold",
    "subject_id": "0109",
    "task_id": "faces"
  },
  "dummy_trs": 1,
  "dvars_nstd": 33.92370317628047,
  "dvars_std": 1.2289878531707323,
  "dvars_vstd": 1.0022750636890239,
  "efc": 0.47863537410220514,
  "fber": 110883.0078125,
  "fd_mean": 0.09094051461206898,
  "fd_num": 2,
  "fd_perc": 0.60790273556231,
  "fwhm_avg": 1.9140450594285607,
  "fwhm_x": 1.8625033333333334,
  "fwhm_y": 2.02695,
  "fwhm_z": 1.8526818449523499,
  "gcor": 0.0108056,
  "gsr_x": -0.028133342042565346,
  "gsr_y": 0.02859348990023136,
  "provenance": {
    "md5sum": "d24ae488c91f7247b73d90c454e5374a",
    "settings": {
      "fd_thres": 0.2,
      "testing": false
    },
    "software": "mriqc",
    "version": "22.0.0rc1",
    "webapi_port": null,
    "webapi_url": "https://mriqc.nimh.nih.gov/api/v1"
  },
  "size_t": 329,
  "size_x": 80,
  "size_y": 80,
  "size_z": 36,
  "snr": 6.11139121430813,
  "spacing_tr": 0.75,
  "spacing_x": 3.0,
  "spacing_y": 3.0,
  "spacing_z": 3.299999952316284,
  "summary_bg_k": 24.406235322845834,
  "summary_bg_mad": 53.05644719622563,
  "summary_bg_mean": 531.6468505859375,
  "summary_bg_median": 53.3858757019043,
  "summary_bg_n": 145223.0,
  "summary_bg_p05": 6.3325367927551275,
  "summary_bg_p95": 3214.057031249998,
  "summary_bg_stdv": 1353.20458984375,
  "summary_fg_k": 0.9171266707208963,
  "summary_fg_mad": 2889.7915276820213,
  "summary_fg_mean": 18500.908203125,
  "summary_fg_median": 18415.505859375,
  "summary_fg_n": 42919.0,
  "summary_fg_p05": 13830.5484375,
  "summary_fg_p95": 23478.175,
  "summary_fg_stdv": 3013.273193359375,
  "tsnr": 51.877655029296875
}