{
  "aor": 0.0009354811715481172,
  "aqi": 0.011985382280334729,
  "bids_meta": {
    "AcquisitionNumber": 6,
    "BidsifyVersion": "0.3.5",
    "ConversionSoftware": "dcm2niix",
    "ConversionSoftwareVersion": "v1.0.20181125  GCC6.3.0",
    "EchoTime": 0.02762,
    "EffectiveEchoSpacing": 0.0006333282667071997,
    "ImageComments": "Piop",
    "ImageOrientationPatientDICOM": [
      0.999187,
      -0.0376096,
      0.0145464,
      0.0403062,
      0.920553,
      -0.388532
    ],
    "Manufacturer": "Philips",
    "NumberOfVolumesDiscardedByScanner": 2,
    "ParallelAcquisitionTechnique": "SENSE",
    "ParallelReductionFactorInPlane": 2,
    "PatientPosition": "HFS",
    "PhaseEncodingDirection": "j",
    "PhilipsRescaleIntercept": 0,
    "PhilipsRescaleSlope": 0.81197,
    "PhilipsScaleSlope": 0.0880353,
    "ProtocolName": "WIPpioprsSENSE",
    "PulseSequenceType": "gradient echo EPI",
    "ReconMatrixPE": 80,
    "RepetitionTime": 0.75,
    "SeriesDescription": "ImageMRSERIES",
    "SeriesNumber": 6,
    "SliceEncodingDirection": "k",
    "SliceTiming": [
      0.0,
      0.06755050505050506,
      0.1351010101010101,
      0.20265151515151517,
      0.2702020202020202,
      0.3377525252525253,
      0.40530303030303033,
      0.47285353535353536,
      0.5404040404040404,
      0.6079545454545455,
      0.6755050505050506,
      0.7430555555555556,
      0.0,
      0.06755050505050506,
      0.1351010101010101,
      0.20265151515151517,
      0.2702020202020202,
      0.3377525252525253,
      0.40530303030303033,
      0.47285353535353536,
      0.5404040404040404,
      0.6079545454545455,
      0.6755050505050506,
      0.7430555555555556,
      0.0,
      0.06755050505050506,
      0.1351010101010101,
      0.20265151515151517,
      0.2702020202020202,
      0.3377525252525253,
      0.40530303030303033,
      0.47285353535353536,
      0.5404040404040404,
      0.6079545454545455,
      0.6755050505050506,
      0.7430555555555556
    ],
    "TaskName": "restingstate",
    "TotalReadoutTime": 0.024699802401580786,
    "UsePhilipsFloatNotDisplayScaling": 1,
    "acq_id": "mb3",
    "dataset": "ds002785",
    "modality": "bold",
    "subject_id": "0109",
    "task_id": "restingstate"
  },
  "dummy_trs": 2,
  "dvars_nstd": 33.65377752440253,
  "dvars_std": 1.2069831902934998,
  "dvars_vstd": 1.0099223203983232,
  "efc": 0.48136008749617426,
  "fber": 104680.109375,
  "fd_mean": 0.11436104796488987,
  "fd_num": 35,
  "fd_perc": 7.322175732217573,
  "fwhm_avg": 1.8791516249422504,
  "fwhm_x": 1.8304933333333333,
  "fwhm_y": 1.9839433333333334,
  "fwhm_z": 1.8230182081600854,
  "gcor": 0.0283212,
  "gsr_x": -0.02810528129339218,
  "gsr_y": 0.028812836855649948,
  "provenance": {
    "md5sum": "cc819178e112fdba3077d84d5f301754",
    "settings": {
      "fd_thres": 0.2,
      "testing": false
    },
    "software": "mriqc",
    "version": "22.0.0rc1",
    "webapi_port": null,
    "webapi_url": "https://mriqc.nimh.nih.gov/api/v1"
  },
  "size_t": 478,
  "size_x": 80,
  "size_y": 80,
  "size_z": 36,
  "snr": 6.391604488726379,
  "spacing_tr": 0.75,
  "spacing_x": 3.0,
  "spacing_y": 3.0,
  "spacing_z": 3.299999952316284,
  "summary_bg_k": 18.77501416596378,
  "summary_bg_mad": 53.67156445958809,
  "summary_bg_mean": 557.5595092773438,
  "summary_bg_median": 54.14889907836914,
  "summary_bg_n": 145181.0,
  "summary_bg_p05": 6.81077241897583,
  "summary_bg_p95": 3431.15478515625,
  "summary_bg_stdv": 1391.2799072265625,
  "summary_fg_k": 0.9400372909466248,
  "summary_fg_mad": 2687.786975410633,
  "summary_fg_mean": 18214.603515625,
  "summary_fg_median": 18135.69140625,
  "summary_fg_n": 42937.0,
  "summary_fg_p05": 13823.8552734375,
  "summary_fg_p95": 22906.837109374996,
  "summary_fg_stdv": 2837.390869140625,
  "tsnr": 46.76250076293945
}