{
  "aor": 0.005774259259259259,
  "aqi": 0.010325963456790124,
  "bids_meta": {
    "AcquisitionNumber": 8,
    "BidsifyVersion": "0.3.5",
    "ConversionSoftware": "dcm2niix",
    "ConversionSoftwareVersion": "v1.0.20181125  GCC6.3.0",
    "EchoTime": 0.02762,
    "EffectiveEchoSpacing": 0.0006621159151938905,
    "ImageComments": "piop",
    "ImageOrientationPatientDICOM": [
      0.998144,
      -0.0582313,
      -0.0178361,
      0.0586014,
      0.998061,
      0.0209801
    ],
    "Manufacturer": "Philips",
    "NumberOfVolumesDiscardedByScanner": 2,
    "ParallelAcquisitionTechnique": "SENSE",
    "ParallelReductionFactorInPlane": 2,
    "PatientPosition": "HFS",
    "PhaseEncodingDirection": "j",
    "PhilipsRescaleIntercept": 0,
    "PhilipsRescaleSlope": 0.78315,
    "PhilipsScaleSlope": 0.0533327,
    "ProtocolName": "WIPpiopwmSENSE",
    "PulseSequenceType": "gradient echo EPI",
    "ReconMatrixPE": 80,
    "RepetitionTime": 2,
    "SeriesDescription": "ImageMRSERIES",
    "SeriesNumber": 8,
    "SliceEncodingDirection": "k",
    "SliceTiming": [
      0.0,
      0.0541,
      0.1081,
      0.1622,
      0.2162,
      0.2703,
      0.3243,
      0.3784,
      0.4324,
      0.4865,
      0.5405,
      0.5946,
      0.6486,
      0.7027,
      0.7568,
      0.8108,
      0.8649,
      0.9189,
      0.973,
      1.027,
      1.0811,
      1.1351,
      1.1892,
      1.2432,
      1.2973,
      1.3514,
      1.4054,
      1.4595,
      1.5135,
      1.5676,
      1.6216,
      1.6757,
      1.7297,
      1.7838,
      1.8378,
      1.8919,
      1.9459
    ],
    "TaskName": "workingmemory",
    "TotalReadoutTime": 0.025822520692561732,
    "UsePhilipsFloatNotDisplayScaling": 1,
    "acq_id": "seq",
    "dataset": "ds002785",
    "modality": "bold",
    "subject_id": "0124",
    "task_id": "workingmemory"
  },
  "dummy_trs": 0,
  "dvars_nstd": 21.739328171739142,
  "dvars_std": 1.2333025263975157,
  "dvars_vstd": 0.9856960652795028,
  "efc": 0.3712437253447364,
  "fber": 222798.453125,
  "fd_mean": 0.1682767955263569,
  "fd_num": 37,
  "fd_perc": 22.839506172839506,
  "fwhm_avg": 1.7259727351544356,
  "fwhm_x": 1.6981400000000002,
  "fwhm_y": 1.8433933333333332,
  "fwhm_z": 1.6363848721299732,
  "gcor": 0.0203945,
  "gsr_x": -0.022335559129714966,
  "gsr_y": 0.010212021879851818,
  "provenance": {
    "md5sum": "e176a8a24c4f6e17de138df6386e59be",
    "settings": {
      "fd_thres": 0.2,
      "testing": false
    },
    "software": "mriqc",
    "version": "22.0.0rc1",
    "webapi_port": null,
    "webapi_url": "https://mriqc.nimh.nih.gov/api/v1"
  },
  "size_t": 162,
  "size_x": 80,
  "size_y": 80,
  "size_z": 37,
  "snr": 6.249694343249013,
  "spacing_tr": 2.0,
  "spacing_x": 3.0,
  "spacing_y": 3.0,
  "spacing_z": 3.299999952316284,
  "summary_bg_k": 161.2567576312221,
  "summary_bg_mad": 65.56282248393353,
  "summary_bg_mean": 564.0626220703125,
  "summary_bg_median": 55.6435661315918,
  "summary_bg_n": 171869.0,
  "summary_bg_p05": 1.3962098121643065,
  "summary_bg_p95": 2431.447167968751,
  "summary_bg_stdv": 2260.172607421875,
  "summary_fg_k": 1.7318290899141573,
  "summary_fg_mad": 4327.481323513753,
  "summary_fg_mean": 27209.671875,
  "summary_fg_median": 26879.9609375,
  "summary_fg_n": 26157.0,
  "summary_fg_p05": 21033.296484375,
  "summary_fg_p95": 34050.12499999999,
  "summary_fg_stdv": 4300.921875,
  "tsnr": 61.84529113769531
}