{
  "aor": 0.0018794,
  "aqi": 0.0038991271999999997,
  "bids_meta": {
    "AcquisitionNumber": 9,
    "BidsifyVersion": "0.3.5",
    "ConversionSoftware": "dcm2niix",
    "ConversionSoftwareVersion": "v1.0.20181125  GCC6.3.0",
    "EchoTime": 0.02762,
    "EffectiveEchoSpacing": 0.0006621159151938905,
    "ImageComments": "piop",
    "ImageOrientationPatientDICOM": [
      0.9996,
      -0.00730445,
      -0.0273128,
      -0.000348926,
      0.962789,
      -0.270255
    ],
    "Manufacturer": "Philips",
    "NumberOfVolumesDiscardedByScanner": 2,
    "ParallelAcquisitionTechnique": "SENSE",
    "ParallelReductionFactorInPlane": 2,
    "PatientPosition": "HFS",
    "PhaseEncodingDirection": "j",
    "PhilipsRescaleIntercept": 0,
    "PhilipsRescaleSlope": 0.74359,
    "PhilipsScaleSlope": 0.050156,
    "ProtocolName": "WIPpiopanticipatieSENSE",
    "PulseSequenceType": "gradient echo EPI",
    "ReconMatrixPE": 80,
    "RepetitionTime": 2,
    "SeriesDescription": "ImageMRSERIES",
    "SeriesNumber": 9,
    "SliceEncodingDirection": "k",
    "SliceTiming": [
      0.0,
      0.0541,
      0.1081,
      0.1622,
      0.2162,
      0.2703,
      0.3243,
      0.3784,
      0.4324,
      0.4865,
      0.5405,
      0.5946,
      0.6486,
      0.7027,
      0.7568,
      0.8108,
      0.8649,
      0.9189,
      0.973,
      1.027,
      1.0811,
      1.1351,
      1.1892,
      1.2432,
      1.2973,
      1.3514,
      1.4054,
      1.4595,
      1.5135,
      1.5676,
      1.6216,
      1.6757,
      1.7297,
      1.7838,
      1.8378,
      1.8919,
      1.9459
    ],
    "TaskName": "anticipation",
    "TotalReadoutTime": 0.025822520692561732,
    "UsePhilipsFloatNotDisplayScaling": 1,
    "acq_id": "seq",
    "dataset": "ds002785",
    "modality": "bold",
    "subject_id": "0157",
    "task_id": "anticipation"
  },
  "dummy_trs": 0,
  "dvars_nstd": 17.789455964673362,
  "dvars_std": 1.1269886794472364,
  "dvars_vstd": 0.9951720549246235,
  "efc": 0.4196268543713564,
  "fber": 168878.484375,
  "fd_mean": 0.1315814708997562,
  "fd_num": 16,
  "fd_perc": 8.0,
  "fwhm_avg": 2.356602232894705,
  "fwhm_x": 2.1465333333333336,
  "fwhm_y": 2.707473333333333,
  "fwhm_z": 2.2158000320174485,
  "gcor": 0.0413009,
  "gsr_x": -0.02740861475467682,
  "gsr_y": 0.025511430576443672,
  "provenance": {
    "md5sum": "d290628aedca696d294b3fb8c970920d",
    "settings": {
      "fd_thres": 0.2,
      "testing": false
    },
    "software": "mriqc",
    "version": "22.0.0rc1",
    "webapi_port": null,
    "webapi_url": "https://mriqc.nimh.nih.gov/api/v1"
  },
  "size_t": 200,
  "size_x": 80,
  "size_y": 80,
  "size_z": 37,
  "snr": 3.8041800656737643,
  "spacing_tr": 2.0,
  "spacing_x": 3.0,
  "spacing_y": 3.0,
  "spacing_z": 3.299999952316284,
  "summary_bg_k": 89.22360952076414,
  "summary_bg_mad": 60.2803917800274,
  "summary_bg_mean": 600.012451171875,
  "summary_bg_median": 63.27187728881836,
  "summary_bg_n": 159883.0,
  "summary_bg_p05": 6.214928531646729,
  "summary_bg_p95": 3181.2190673828118,
  "summary_bg_stdv": 1917.0357666015625,
  "summary_fg_k": 2.289464996298018,
  "summary_fg_mad": 5140.639413337289,
  "summary_fg_mean": 28077.580078125,
  "summary_fg_median": 26713.509765625,
  "summary_fg_n": 35766.0,
  "summary_fg_p05": 19864.45458984375,
  "summary_fg_p95": 45408.7275390625,
  "summary_fg_stdv": 7022.04833984375,
  "tsnr": 82.43963623046875
}