{
  "bids_meta": {
    "AcquisitionNumber": 4,
    "BidsifyVersion": "0.3.5",
    "ConversionSoftware": "dcm2niix",
    "ConversionSoftwareVersion": "v1.0.20181125  GCC6.3.0",
    "EchoTime": 0.00378,
    "ImageComments": "Piop",
    "ImageOrientationPatientDICOM": [
      0.999909,
      -0.00798004,
      -0.0109024,
      0.00645722,
      0.991069,
      -0.133195
    ],
    "Manufacturer": "Philips",
    "PatientPosition": "HFS",
    "PhilipsRescaleIntercept": 0,
    "PhilipsRescaleSlope": 9.16313,
    "PhilipsScaleSlope": 0.00731321,
    "ProtocolName": "WIPt13dSENSE",
    "ReconMatrixPE": 240,
    "RepetitionTime": 0.008238,
    "SeriesDescription": "ImageMRSERIES",
    "SeriesNumber": 4,
    "UsePhilipsFloatNotDisplayScaling": 1,
    "dataset": "ds002785",
    "modality": "T1w",
    "subject_id": "0148"
  },
  "cjv": 0.3097455758247716,
  "cnr": 4.047976781584179,
  "efc": 0.7789149179163454,
  "fber": 1721.802734375,
  "fwhm_avg": 3.5775063895027173,
  "fwhm_x": 3.551089576677134,
  "fwhm_y": 3.75746,
  "fwhm_z": 3.4239695918310176,
  "icvs_csf": 0.1829270949602341,
  "icvs_gm": 0.4428278660343822,
  "icvs_wm": 0.3742450390053837,
  "inu_med": 1.8718035221099854,
  "inu_range": 0.5639196872711181,
  "provenance": {
    "md5sum": "4fefe5868f45f27df6ab897f24814444",
    "settings": {
      "testing": false
    },
    "software": "mriqc",
    "version": "22.0.0rc1",
    "warnings": {
      "large_rot_frame": true,
      "small_air_mask": true
    },
    "webapi_port": null,
    "webapi_url": "https://mriqc.nimh.nih.gov/api/v1"
  },
  "qi_1": 0.0,
  "qi_2": 0.00039607925053204127,
  "rpve_csf": 27.83965744546492,
  "rpve_gm": 13.110355470636403,
  "rpve_wm": 19.180140973536627,
  "size_x": 240,
  "size_y": 240,
  "size_z": 220,
  "snr_csf": 1.5078136058576865,
  "snr_gm": 7.239493727397651,
  "snr_total": 9.641024993144859,
  "snr_wm": 20.175767646179235,
  "snrd_csf": 18.354024739518195,
  "snrd_gm": 42.79553777436058,
  "snrd_total": 43.97501329089382,
  "snrd_wm": 70.77547735880269,
  "spacing_x": 1.0000001192092896,
  "spacing_y": 1.0,
  "spacing_z": 1.0000001192092896,
  "summary_bg_k": 82.88034686952592,
  "summary_bg_mad": 9.25635723758159,
  "summary_bg_mean": 10.83538818359375,
  "summary_bg_median": 6.271714687347412,
  "summary_bg_n": 148537.0,
  "summary_bg_p05": 0.0,
  "summary_bg_p95": 30.56537284851074,
  "summary_bg_stdv": 10.263965606689453,
  "summary_csf_k": 89.98018250575359,
  "summary_csf_mad": 154.88747819981194,
  "summary_csf_mean": 263.941650390625,
  "summary_csf_median": 259.32220458984375,
  "summary_csf_n": 4272.0,
  "summary_csf_p05": 75.75403327941895,
  "summary_csf_p95": 460.7580245971679,
  "summary_csf_stdv": 171.9654541015625,
  "summary_gm_k": 0.3969051531425709,
  "summary_gm_mad": 78.4272955475509,
  "summary_gm_mean": 609.9266967773438,
  "summary_gm_median": 604.6539306640625,
  "summary_gm_n": 30562.0,
  "summary_gm_p05": 480.8618957519531,
  "summary_gm_p95": 757.6696228027344,
  "summary_gm_stdv": 83.52021026611328,
  "summary_wm_k": 1.2188044792343584,
  "summary_wm_mad": 44.02312376625589,
  "summary_wm_mean": 997.5667114257812,
  "summary_wm_median": 999.979736328125,
  "summary_wm_n": 222836.0,
  "summary_wm_p05": 912.8529815673828,
  "summary_wm_p95": 1073.7593383789062,
  "summary_wm_stdv": 49.56329345703125,
  "tpm_overlap_csf": 0.1806846559047699,
  "tpm_overlap_gm": 0.46723172068595886,
  "tpm_overlap_wm": 0.5298926830291748,
  "wm2max": 0.7486100514053435
}