{
  "aor": 0.0011101863354037267,
  "aqi": 0.003887452049689441,
  "bids_meta": {
    "AcquisitionNumber": 8,
    "BidsifyVersion": "0.3.5",
    "ConversionSoftware": "dcm2niix",
    "ConversionSoftwareVersion": "v1.0.20181125  GCC6.3.0",
    "EchoTime": 0.02762,
    "EffectiveEchoSpacing": 0.0006621159151938905,
    "ImageComments": "Piop",
    "ImageOrientationPatientDICOM": [
      0.999524,
      0.0184097,
      0.0247619,
      -0.00715256,
      0.91889,
      -0.39445
    ],
    "Manufacturer": "Philips",
    "NumberOfVolumesDiscardedByScanner": 2,
    "ParallelAcquisitionTechnique": "SENSE",
    "ParallelReductionFactorInPlane": 2,
    "PatientPosition": "HFS",
    "PhaseEncodingDirection": "j",
    "PhilipsRescaleIntercept": 0,
    "PhilipsRescaleSlope": 0.87131,
    "PhilipsScaleSlope": 0.0529543,
    "ProtocolName": "WIPpiopwmSENSE",
    "PulseSequenceType": "gradient echo EPI",
    "ReconMatrixPE": 80,
    "RepetitionTime": 2,
    "SeriesDescription": "ImageMRSERIES",
    "SeriesNumber": 8,
    "SliceEncodingDirection": "k",
    "SliceTiming": [
      0.0,
      0.0541,
      0.1081,
      0.1622,
      0.2162,
      0.2703,
      0.3243,
      0.3784,
      0.4324,
      0.4865,
      0.5405,
      0.5946,
      0.6486,
      0.7027,
      0.7568,
      0.8108,
      0.8649,
      0.9189,
      0.973,
      1.027,
      1.0811,
      1.1351,
      1.1892,
      1.2432,
      1.2973,
      1.3514,
      1.4054,
      1.4595,
      1.5135,
      1.5676,
      1.6216,
      1.6757,
      1.7297,
      1.7838,
      1.8378,
      1.8919,
      1.9459
    ],
    "TaskName": "workingmemory",
    "TotalReadoutTime": 0.025822520692561732,
    "UsePhilipsFloatNotDisplayScaling": 1,
    "acq_id": "seq",
    "dataset": "ds002785",
    "modality": "bold",
    "subject_id": "0046",
    "task_id": "workingmemory"
  },
  "dummy_trs": 1,
  "dvars_nstd": 23.03055360362499,
  "dvars_std": 1.2634319217499996,
  "dvars_vstd": 0.9931030963124998,
  "efc": 0.4360054513629915,
  "fber": 126740.34375,
  "fd_mean": 0.1222088793612931,
  "fd_num": 11,
  "fd_perc": 6.832298136645963,
  "fwhm_avg": 1.8119263719536036,
  "fwhm_x": 1.7854,
  "fwhm_y": 1.92357,
  "fwhm_z": 1.7268091158608108,
  "gcor": 0.0252836,
  "gsr_x": -0.023518089205026627,
  "gsr_y": 0.016332432627677917,
  "provenance": {
    "md5sum": "e6efaf9f39b369c8ac36bcff59d9c0c6",
    "settings": {
      "fd_thres": 0.2,
      "testing": false
    },
    "software": "mriqc",
    "version": "22.0.0rc1",
    "webapi_port": null,
    "webapi_url": "https://mriqc.nimh.nih.gov/api/v1"
  },
  "size_t": 161,
  "size_x": 80,
  "size_y": 80,
  "size_z": 37,
  "snr": 5.128777707197183,
  "spacing_tr": 2.0,
  "spacing_x": 3.0,
  "spacing_y": 3.0,
  "spacing_z": 3.299999952316284,
  "summary_bg_k": 60.48960340745416,
  "summary_bg_mad": 60.065693735754785,
  "summary_bg_mean": 546.1885986328125,
  "summary_bg_median": 60.50614547729492,
  "summary_bg_n": 157513.0,
  "summary_bg_p05": 7.275275039672852,
  "summary_bg_p95": 2618.447265624998,
  "summary_bg_stdv": 1613.6661376953125,
  "summary_fg_k": 1.561736948526507,
  "summary_fg_mad": 4065.4429642227196,
  "summary_fg_mean": 22907.556640625,
  "summary_fg_median": 22415.478515625,
  "summary_fg_n": 36953.0,
  "summary_fg_p05": 16615.401953125,
  "summary_fg_p95": 30300.267968750002,
  "summary_fg_stdv": 4370.47119140625,
  "tsnr": 79.83185577392578
}