{
  "aor": 0.0017376865671641791,
  "aqi": 0.0038109976119402988,
  "bids_meta": {
    "AcquisitionNumber": 5,
    "BidsifyVersion": "0.3.5",
    "ConversionSoftware": "dcm2niix",
    "ConversionSoftwareVersion": "v1.0.20181125  GCC6.3.0",
    "EchoTime": 0.02762,
    "EffectiveEchoSpacing": 0.0006621159151938905,
    "ImageComments": "Piop",
    "ImageOrientationPatientDICOM": [
      0.999524,
      0.0184097,
      0.0247619,
      -0.00715256,
      0.91889,
      -0.39445
    ],
    "Manufacturer": "Philips",
    "NumberOfVolumesDiscardedByScanner": 2,
    "ParallelAcquisitionTechnique": "SENSE",
    "ParallelReductionFactorInPlane": 2,
    "PatientPosition": "HFS",
    "PhaseEncodingDirection": "j",
    "PhilipsRescaleIntercept": 0,
    "PhilipsRescaleSlope": 0.85836,
    "PhilipsScaleSlope": 0.0527288,
    "ProtocolName": "WIPpiopharririSENSE",
    "PulseSequenceType": "gradient echo EPI",
    "ReconMatrixPE": 80,
    "RepetitionTime": 2,
    "SeriesDescription": "ImageMRSERIES",
    "SeriesNumber": 5,
    "SliceEncodingDirection": "k",
    "SliceTiming": [
      0.0,
      0.0541,
      0.1081,
      0.1622,
      0.2162,
      0.2703,
      0.3243,
      0.3784,
      0.4324,
      0.4865,
      0.5405,
      0.5946,
      0.6486,
      0.7027,
      0.7568,
      0.8108,
      0.8649,
      0.9189,
      0.973,
      1.027,
      1.0811,
      1.1351,
      1.1892,
      1.2432,
      1.2973,
      1.3514,
      1.4054,
      1.4595,
      1.5135,
      1.5676,
      1.6216,
      1.6757,
      1.7297,
      1.7838,
      1.8378,
      1.8919,
      1.9459
    ],
    "TaskName": "emomatching",
    "TotalReadoutTime": 0.025822520692561732,
    "UsePhilipsFloatNotDisplayScaling": 1,
    "acq_id": "seq",
    "dataset": "ds002785",
    "modality": "bold",
    "subject_id": "0046",
    "task_id": "emomatching"
  },
  "dummy_trs": 1,
  "dvars_nstd": 24.286784638120295,
  "dvars_std": 1.320586679172933,
  "dvars_vstd": 1.016592400526316,
  "efc": 0.4352064499260507,
  "fber": 121657.875,
  "fd_mean": 0.13166227353588442,
  "fd_num": 15,
  "fd_perc": 11.194029850746269,
  "fwhm_avg": 1.818068897259388,
  "fwhm_x": 1.7862799999999999,
  "fwhm_y": 1.93006,
  "fwhm_z": 1.737866691778164,
  "gcor": 0.0463378,
  "gsr_x": -0.02331814356148243,
  "gsr_y": 0.016632895916700363,
  "provenance": {
    "md5sum": "42d9c34898a4f03e8fe56f05e71f78ac",
    "settings": {
      "fd_thres": 0.2,
      "testing": false
    },
    "software": "mriqc",
    "version": "22.0.0rc1",
    "webapi_port": null,
    "webapi_url": "https://mriqc.nimh.nih.gov/api/v1"
  },
  "size_t": 134,
  "size_x": 80,
  "size_y": 80,
  "size_z": 37,
  "snr": 5.115750081977183,
  "spacing_tr": 2.0,
  "spacing_x": 3.0,
  "spacing_y": 3.0,
  "spacing_z": 3.299999952316284,
  "summary_bg_k": 63.66798608691573,
  "summary_bg_mad": 63.2051270086092,
  "summary_bg_mean": 536.7994384765625,
  "summary_bg_median": 62.36244201660156,
  "summary_bg_n": 157485.0,
  "summary_bg_p05": 6.829696178436279,
  "summary_bg_p95": 2563.033300781244,
  "summary_bg_stdv": 1591.1571044921875,
  "summary_fg_k": 1.6170600832853195,
  "summary_fg_mad": 4133.940924142153,
  "summary_fg_mean": 23125.765625,
  "summary_fg_median": 22640.623046875,
  "summary_fg_n": 36931.0,
  "summary_fg_p05": 16763.07421875,
  "summary_fg_p95": 30594.2109375,
  "summary_fg_stdv": 4425.6103515625,
  "tsnr": 79.57363891601562
}