{
  "aor": 0.0017551020408163268,
  "aqi": 0.005350628979591837,
  "bids_meta": {
    "AcquisitionNumber": 3,
    "BidsifyVersion": "0.3.5",
    "ConversionSoftware": "dcm2niix",
    "ConversionSoftwareVersion": "v1.0.20181125  GCC6.3.0",
    "EchoTime": 0.02762,
    "EffectiveEchoSpacing": 0.0006621159151938905,
    "ImageComments": "Piop",
    "ImageOrientationPatientDICOM": [
      0.999524,
      0.0184097,
      0.0247619,
      -0.00715256,
      0.91889,
      -0.39445
    ],
    "Manufacturer": "Philips",
    "NumberOfVolumesDiscardedByScanner": 2,
    "ParallelAcquisitionTechnique": "SENSE",
    "ParallelReductionFactorInPlane": 2,
    "PatientPosition": "HFS",
    "PhaseEncodingDirection": "j",
    "PhilipsRescaleIntercept": 0,
    "PhilipsRescaleSlope": 0.82515,
    "PhilipsScaleSlope": 0.0530492,
    "ProtocolName": "WIPpiopgstroopSENSE",
    "PulseSequenceType": "gradient echo EPI",
    "ReconMatrixPE": 80,
    "RepetitionTime": 2,
    "SeriesDescription": "ImageMRSERIES",
    "SeriesNumber": 3,
    "SliceEncodingDirection": "k",
    "SliceTiming": [
      0.0,
      0.0541,
      0.1081,
      0.1622,
      0.2162,
      0.2703,
      0.3243,
      0.3784,
      0.4324,
      0.4865,
      0.5405,
      0.5946,
      0.6486,
      0.7027,
      0.7568,
      0.8108,
      0.8649,
      0.9189,
      0.973,
      1.027,
      1.0811,
      1.1351,
      1.1892,
      1.2432,
      1.2973,
      1.3514,
      1.4054,
      1.4595,
      1.5135,
      1.5676,
      1.6216,
      1.6757,
      1.7297,
      1.7838,
      1.8378,
      1.8919,
      1.9459
    ],
    "TaskName": "gstroop",
    "TotalReadoutTime": 0.025822520692561732,
    "UsePhilipsFloatNotDisplayScaling": 1,
    "acq_id": "seq",
    "dataset": "ds002785",
    "modality": "bold",
    "subject_id": "0046",
    "task_id": "gstroop"
  },
  "dummy_trs": 0,
  "dvars_nstd": 24.84021818442623,
  "dvars_std": 1.2880820894672134,
  "dvars_vstd": 1.0043822915983607,
  "efc": 0.43499340179579277,
  "fber": 124623.09375,
  "fd_mean": 0.1458579069385441,
  "fd_num": 44,
  "fd_perc": 17.959183673469386,
  "fwhm_avg": 1.7692485939393336,
  "fwhm_x": 1.74094,
  "fwhm_y": 1.8890966666666669,
  "fwhm_z": 1.6777091151513346,
  "gcor": 0.0556741,
  "gsr_x": -0.023063872009515762,
  "gsr_y": 0.016963643953204155,
  "provenance": {
    "md5sum": "d2487b56186f6c3fb127f6ab855c12a7",
    "settings": {
      "fd_thres": 0.2,
      "testing": false
    },
    "software": "mriqc",
    "version": "22.0.0rc1",
    "webapi_port": null,
    "webapi_url": "https://mriqc.nimh.nih.gov/api/v1"
  },
  "size_t": 245,
  "size_x": 80,
  "size_y": 80,
  "size_z": 37,
  "snr": 5.269205736401668,
  "spacing_tr": 2.0,
  "spacing_x": 3.0,
  "spacing_y": 3.0,
  "spacing_z": 3.299999952316284,
  "summary_bg_k": 76.22143980857754,
  "summary_bg_mad": 64.14464975636885,
  "summary_bg_mean": 542.051513671875,
  "summary_bg_median": 63.2322998046875,
  "summary_bg_n": 157478.0,
  "summary_bg_p05": 7.4793709993362425,
  "summary_bg_p95": 2567.238623046874,
  "summary_bg_stdv": 1636.365234375,
  "summary_fg_k": 1.8044315875234123,
  "summary_fg_mad": 4066.892265805458,
  "summary_fg_mean": 23733.771484375,
  "summary_fg_median": 23236.1640625,
  "summary_fg_n": 36890.0,
  "summary_fg_p05": 17446.21884765625,
  "summary_fg_p95": 31133.807128906246,
  "summary_fg_stdv": 4409.744140625,
  "tsnr": 71.73666381835938
}