{
  "aor": 0.0008408125,
  "aqi": 0.011134981416666667,
  "bids_meta": {
    "AcquisitionNumber": 6,
    "BidsifyVersion": "0.3.5",
    "ConversionSoftware": "dcm2niix",
    "ConversionSoftwareVersion": "v1.0.20181125  GCC6.3.0",
    "EchoTime": 0.02762,
    "EffectiveEchoSpacing": 0.0006333282667071997,
    "ImageComments": "Piop",
    "ImageOrientationPatientDICOM": [
      0.999524,
      0.0184097,
      0.0247619,
      -0.00715256,
      0.91889,
      -0.39445
    ],
    "Manufacturer": "Philips",
    "NumberOfVolumesDiscardedByScanner": 2,
    "ParallelAcquisitionTechnique": "SENSE",
    "ParallelReductionFactorInPlane": 2,
    "PatientPosition": "HFS",
    "PhaseEncodingDirection": "j",
    "PhilipsRescaleIntercept": 0,
    "PhilipsRescaleSlope": 0.86935,
    "PhilipsScaleSlope": 0.076936,
    "ProtocolName": "WIPpioprsSENSE",
    "PulseSequenceType": "gradient echo EPI",
    "ReconMatrixPE": 80,
    "RepetitionTime": 0.75,
    "SeriesDescription": "ImageMRSERIES",
    "SeriesNumber": 6,
    "SliceEncodingDirection": "k",
    "SliceTiming": [
      0.0,
      0.06755050505050506,
      0.1351010101010101,
      0.20265151515151517,
      0.2702020202020202,
      0.3377525252525253,
      0.40530303030303033,
      0.47285353535353536,
      0.5404040404040404,
      0.6079545454545455,
      0.6755050505050506,
      0.7430555555555556,
      0.0,
      0.06755050505050506,
      0.1351010101010101,
      0.20265151515151517,
      0.2702020202020202,
      0.3377525252525253,
      0.40530303030303033,
      0.47285353535353536,
      0.5404040404040404,
      0.6079545454545455,
      0.6755050505050506,
      0.7430555555555556,
      0.0,
      0.06755050505050506,
      0.1351010101010101,
      0.20265151515151517,
      0.2702020202020202,
      0.3377525252525253,
      0.40530303030303033,
      0.47285353535353536,
      0.5404040404040404,
      0.6079545454545455,
      0.6755050505050506,
      0.7430555555555556
    ],
    "TaskName": "restingstate",
    "TotalReadoutTime": 0.024699802401580786,
    "UsePhilipsFloatNotDisplayScaling": 1,
    "acq_id": "mb3",
    "dataset": "ds002785",
    "modality": "bold",
    "subject_id": "0046",
    "task_id": "restingstate"
  },
  "dummy_trs": 0,
  "dvars_nstd": 34.11496983881001,
  "dvars_std": 1.1843534650730696,
  "dvars_vstd": 1.0019023380793324,
  "efc": 0.4431200988926338,
  "fber": 126936.3046875,
  "fd_mean": 0.1345008102740514,
  "fd_num": 87,
  "fd_perc": 18.125,
  "fwhm_avg": 1.8124482912017594,
  "fwhm_x": 1.8097266666666665,
  "fwhm_y": 1.8891333333333333,
  "fwhm_z": 1.7384848736052785,
  "gcor": 0.0329699,
  "gsr_x": -0.024596093222498894,
  "gsr_y": 0.015495046973228455,
  "provenance": {
    "md5sum": "676e3e710c8a37b40709e98bee35d203",
    "settings": {
      "fd_thres": 0.2,
      "testing": false
    },
    "software": "mriqc",
    "version": "22.0.0rc1",
    "webapi_port": null,
    "webapi_url": "https://mriqc.nimh.nih.gov/api/v1"
  },
  "size_t": 480,
  "size_x": 80,
  "size_y": 80,
  "size_z": 36,
  "snr": 6.148837592655322,
  "spacing_tr": 0.75,
  "spacing_x": 3.0,
  "spacing_y": 3.0,
  "spacing_z": 3.299999952316284,
  "summary_bg_k": 44.844023929616604,
  "summary_bg_mad": 50.95280480491341,
  "summary_bg_mean": 416.43853759765625,
  "summary_bg_median": 45.8943977355957,
  "summary_bg_n": 152393.0,
  "summary_bg_p05": 3.7683312416076666,
  "summary_bg_p95": 2034.991186523436,
  "summary_bg_stdv": 1156.048095703125,
  "summary_fg_k": 0.737495611178705,
  "summary_fg_mad": 2670.0884114272226,
  "summary_fg_mean": 17115.296875,
  "summary_fg_median": 17041.060546875,
  "summary_fg_n": 36383.0,
  "summary_fg_p05": 12766.49912109375,
  "summary_fg_p95": 21673.998437500002,
  "summary_fg_stdv": 2771.389892578125,
  "tsnr": 45.01175308227539
}