{
  "aor": 0.0008067477203647416,
  "aqi": 0.009105967416413374,
  "bids_meta": {
    "AcquisitionNumber": 2,
    "BidsifyVersion": "0.3.5",
    "ConversionSoftware": "dcm2niix",
    "ConversionSoftwareVersion": "v1.0.20181125  GCC6.3.0",
    "EchoTime": 0.02762,
    "EffectiveEchoSpacing": 0.0006333282667071997,
    "ImageComments": "Piop",
    "ImageOrientationPatientDICOM": [
      0.999524,
      0.0184097,
      0.0247619,
      -0.00715256,
      0.91889,
      -0.39445
    ],
    "Manufacturer": "Philips",
    "NumberOfVolumesDiscardedByScanner": 2,
    "ParallelAcquisitionTechnique": "SENSE",
    "ParallelReductionFactorInPlane": 2,
    "PatientPosition": "HFS",
    "PhaseEncodingDirection": "j",
    "PhilipsRescaleIntercept": 0,
    "PhilipsRescaleSlope": 0.82808,
    "PhilipsScaleSlope": 0.0820696,
    "ProtocolName": "WIPpiopfacesSENSE",
    "PulseSequenceType": "gradient echo EPI",
    "ReconMatrixPE": 80,
    "RepetitionTime": 0.75,
    "SeriesDescription": "ImageMRSERIES",
    "SeriesNumber": 2,
    "SliceEncodingDirection": "k",
    "SliceTiming": [
      0.0,
      0.06755050505050506,
      0.1351010101010101,
      0.20265151515151517,
      0.2702020202020202,
      0.3377525252525253,
      0.40530303030303033,
      0.47285353535353536,
      0.5404040404040404,
      0.6079545454545455,
      0.6755050505050506,
      0.7430555555555556,
      0.0,
      0.06755050505050506,
      0.1351010101010101,
      0.20265151515151517,
      0.2702020202020202,
      0.3377525252525253,
      0.40530303030303033,
      0.47285353535353536,
      0.5404040404040404,
      0.6079545454545455,
      0.6755050505050506,
      0.7430555555555556,
      0.0,
      0.06755050505050506,
      0.1351010101010101,
      0.20265151515151517,
      0.2702020202020202,
      0.3377525252525253,
      0.40530303030303033,
      0.47285353535353536,
      0.5404040404040404,
      0.6079545454545455,
      0.6755050505050506,
      0.7430555555555556
    ],
    "TaskName": "faces",
    "TotalReadoutTime": 0.024699802401580786,
    "UsePhilipsFloatNotDisplayScaling": 1,
    "acq_id": "mb3",
    "dataset": "ds002785",
    "modality": "bold",
    "subject_id": "0046",
    "task_id": "faces"
  },
  "dummy_trs": 1,
  "dvars_nstd": 34.58772809911584,
  "dvars_std": 1.2163426530182937,
  "dvars_vstd": 1.0093995209756108,
  "efc": 0.44165261915598836,
  "fber": 124034.0703125,
  "fd_mean": 0.12264594046877818,
  "fd_num": 29,
  "fd_perc": 8.814589665653495,
  "fwhm_avg": 1.8324686953191698,
  "fwhm_x": 1.82752,
  "fwhm_y": 1.9154133333333334,
  "fwhm_z": 1.754472752624176,
  "gcor": 0.0239957,
  "gsr_x": -0.02470080368220806,
  "gsr_y": 0.0166538804769516,
  "provenance": {
    "md5sum": "27df2aa60f2599076ef9cd821d8607c1",
    "settings": {
      "fd_thres": 0.2,
      "testing": false
    },
    "software": "mriqc",
    "version": "22.0.0rc1",
    "webapi_port": null,
    "webapi_url": "https://mriqc.nimh.nih.gov/api/v1"
  },
  "size_t": 329,
  "size_x": 80,
  "size_y": 80,
  "size_z": 36,
  "snr": 5.946150913789368,
  "spacing_tr": 0.75,
  "spacing_x": 3.0,
  "spacing_y": 3.0,
  "spacing_z": 3.299999952316284,
  "summary_bg_k": 44.495762212060455,
  "summary_bg_mad": 51.87776630108302,
  "summary_bg_mean": 418.0394592285156,
  "summary_bg_median": 48.26368713378906,
  "summary_bg_n": 152454.0,
  "summary_bg_p05": 4.615113687515259,
  "summary_bg_p95": 2013.6315368652363,
  "summary_bg_stdv": 1155.595947265625,
  "summary_fg_k": 0.5707410865615894,
  "summary_fg_mad": 2908.868448415449,
  "summary_fg_mean": 17819.49609375,
  "summary_fg_median": 17722.20703125,
  "summary_fg_n": 36277.0,
  "summary_fg_p05": 13121.914453125,
  "summary_fg_p95": 22790.548046874992,
  "summary_fg_stdv": 2980.4091796875,
  "tsnr": 48.76823806762695
}