{
  "aor": 0.0010574814814814815,
  "aqi": 0.0031094051111111107,
  "bids_meta": {
    "AcquisitionNumber": 5,
    "BidsifyVersion": "0.3.5",
    "ConversionSoftware": "dcm2niix",
    "ConversionSoftwareVersion": "v1.0.20181125  GCC6.3.0",
    "EchoTime": 0.02762,
    "EffectiveEchoSpacing": 0.0006621159151938905,
    "ImageComments": "Piop",
    "ImageOrientationPatientDICOM": [
      0.999836,
      0.0171544,
      0.00577315,
      -0.0139613,
      0.933931,
      -0.357179
    ],
    "Manufacturer": "Philips",
    "NumberOfVolumesDiscardedByScanner": 2,
    "ParallelAcquisitionTechnique": "SENSE",
    "ParallelReductionFactorInPlane": 2,
    "PatientPosition": "HFS",
    "PhaseEncodingDirection": "j",
    "PhilipsRescaleIntercept": 0,
    "PhilipsRescaleSlope": 0.76239,
    "PhilipsScaleSlope": 0.0638864,
    "ProtocolName": "WIPpiopharririSENSE",
    "PulseSequenceType": "gradient echo EPI",
    "ReconMatrixPE": 80,
    "RepetitionTime": 2,
    "SeriesDescription": "ImageMRSERIES",
    "SeriesNumber": 5,
    "SliceEncodingDirection": "k",
    "SliceTiming": [
      0.0,
      0.0541,
      0.1081,
      0.1622,
      0.2162,
      0.2703,
      0.3243,
      0.3784,
      0.4324,
      0.4865,
      0.5405,
      0.5946,
      0.6486,
      0.7027,
      0.7568,
      0.8108,
      0.8649,
      0.9189,
      0.973,
      1.027,
      1.0811,
      1.1351,
      1.1892,
      1.2432,
      1.2973,
      1.3514,
      1.4054,
      1.4595,
      1.5135,
      1.5676,
      1.6216,
      1.6757,
      1.7297,
      1.7838,
      1.8378,
      1.8919,
      1.9459
    ],
    "TaskName": "emomatching",
    "TotalReadoutTime": 0.025822520692561732,
    "UsePhilipsFloatNotDisplayScaling": 1,
    "acq_id": "seq",
    "dataset": "ds002785",
    "modality": "bold",
    "subject_id": "0042",
    "task_id": "emomatching"
  },
  "dummy_trs": 0,
  "dvars_nstd": 16.969084533582084,
  "dvars_std": 1.1446115624626867,
  "dvars_vstd": 1.0137490615671645,
  "efc": 0.44267432407289103,
  "fber": 126944.40625,
  "fd_mean": 0.07737443066950651,
  "fd_num": 0,
  "fd_perc": 0.0,
  "fwhm_avg": 1.8283274832405183,
  "fwhm_x": 1.80389,
  "fwhm_y": 1.9177833333333334,
  "fwhm_z": 1.7633091163882215,
  "gcor": 0.0314543,
  "gsr_x": -0.011253907345235348,
  "gsr_y": 0.021290434524416924,
  "provenance": {
    "md5sum": "057bbe97e8299c7f767bbded54b8e956",
    "settings": {
      "fd_thres": 0.2,
      "testing": false
    },
    "software": "mriqc",
    "version": "22.0.0rc1",
    "webapi_port": null,
    "webapi_url": "https://mriqc.nimh.nih.gov/api/v1"
  },
  "size_t": 135,
  "size_x": 80,
  "size_y": 80,
  "size_z": 37,
  "snr": 5.443579369983487,
  "spacing_tr": 2.0,
  "spacing_x": 3.0,
  "spacing_y": 3.0,
  "spacing_z": 3.299999952316284,
  "summary_bg_k": 83.44465307601756,
  "summary_bg_mad": 60.64486067791236,
  "summary_bg_mean": 610.7453002929688,
  "summary_bg_median": 61.156005859375,
  "summary_bg_n": 156644.0,
  "summary_bg_p05": 6.140578961372376,
  "summary_bg_p95": 3550.3516601562505,
  "summary_bg_stdv": 1883.5201416015625,
  "summary_fg_k": 1.4244630768321311,
  "summary_fg_mad": 3943.878269427634,
  "summary_fg_mean": 22813.12109375,
  "summary_fg_median": 22428.033203125,
  "summary_fg_n": 37363.0,
  "summary_fg_p05": 16816.1431640625,
  "summary_fg_p95": 29635.417382812502,
  "summary_fg_stdv": 4120.0341796875,
  "tsnr": 92.31439971923828
}