{
  "aor": 0.012361899999999999,
  "aqi": 0.036971911999999996,
  "bids_meta": {
    "AcquisitionNumber": 9,
    "BidsifyVersion": "0.3.5",
    "ConversionSoftware": "dcm2niix",
    "ConversionSoftwareVersion": "v1.0.20181125  GCC6.3.0",
    "EchoTime": 0.02762,
    "EffectiveEchoSpacing": 0.0006621159151938905,
    "ImageComments": "Piop",
    "ImageOrientationPatientDICOM": [
      0.994337,
      -0.0604457,
      0.0874133,
      0.0988974,
      0.82741,
      -0.552821
    ],
    "Manufacturer": "Philips",
    "NumberOfVolumesDiscardedByScanner": 2,
    "ParallelAcquisitionTechnique": "SENSE",
    "ParallelReductionFactorInPlane": 2,
    "PatientPosition": "HFS",
    "PhaseEncodingDirection": "j",
    "PhilipsRescaleIntercept": 0,
    "PhilipsRescaleSlope": 0.75165,
    "PhilipsScaleSlope": 0.0678402,
    "ProtocolName": "WIPpiopanticipatieSENSE",
    "PulseSequenceType": "gradient echo EPI",
    "ReconMatrixPE": 80,
    "RepetitionTime": 2,
    "SeriesDescription": "ImageMRSERIES",
    "SeriesNumber": 9,
    "SliceEncodingDirection": "k",
    "SliceTiming": [
      0.0,
      0.0541,
      0.1081,
      0.1622,
      0.2162,
      0.2703,
      0.3243,
      0.3784,
      0.4324,
      0.4865,
      0.5405,
      0.5946,
      0.6486,
      0.7027,
      0.7568,
      0.8108,
      0.8649,
      0.9189,
      0.973,
      1.027,
      1.0811,
      1.1351,
      1.1892,
      1.2432,
      1.2973,
      1.3514,
      1.4054,
      1.4595,
      1.5135,
      1.5676,
      1.6216,
      1.6757,
      1.7297,
      1.7838,
      1.8378,
      1.8919,
      1.9459
    ],
    "TaskName": "anticipation",
    "TotalReadoutTime": 0.025822520692561732,
    "UsePhilipsFloatNotDisplayScaling": 1,
    "acq_id": "seq",
    "dataset": "ds002785",
    "modality": "bold",
    "subject_id": "0120",
    "task_id": "anticipation"
  },
  "dummy_trs": 0,
  "dvars_nstd": 48.59475870924621,
  "dvars_std": 0.9998640109045226,
  "dvars_vstd": 0.916937021959799,
  "efc": 0.4383975095516651,
  "fber": 108914.578125,
  "fd_mean": 0.882598022829542,
  "fd_num": 109,
  "fd_perc": 54.5,
  "fwhm_avg": 1.855789907881241,
  "fwhm_x": 1.8295633333333334,
  "fwhm_y": 1.8918033333333335,
  "fwhm_z": 1.846003056977056,
  "gcor": 0.0209359,
  "gsr_x": -0.01753246784210205,
  "gsr_y": 0.015268843621015549,
  "provenance": {
    "md5sum": "3fff8971b44f610741a19eaa36746df7",
    "settings": {
      "fd_thres": 0.2,
      "testing": false
    },
    "software": "mriqc",
    "version": "22.0.0rc1",
    "webapi_port": null,
    "webapi_url": "https://mriqc.nimh.nih.gov/api/v1"
  },
  "size_t": 200,
  "size_x": 80,
  "size_y": 80,
  "size_z": 37,
  "snr": 4.75808722765076,
  "spacing_tr": 2.0,
  "spacing_x": 3.0,
  "spacing_y": 3.0,
  "spacing_z": 3.299999952316284,
  "summary_bg_k": 28.050495997749564,
  "summary_bg_mad": 57.392050843422844,
  "summary_bg_mean": 505.3116455078125,
  "summary_bg_median": 61.03962707519531,
  "summary_bg_n": 157249.0,
  "summary_bg_p05": 12.425002288818359,
  "summary_bg_p95": 2773.886279296877,
  "summary_bg_stdv": 1382.2012939453125,
  "summary_fg_k": 2.0502293399716978,
  "summary_fg_mad": 3670.4684669489616,
  "summary_fg_mean": 21163.224609375,
  "summary_fg_median": 20418.42578125,
  "summary_fg_n": 37486.0,
  "summary_fg_p05": 15724.544921875,
  "summary_fg_p95": 29162.1708984375,
  "summary_fg_stdv": 4291.25244140625,
  "tsnr": 24.941272735595703
}