{
  "aor": 0.017741333333333335,
  "aqi": 0.008385352296296297,
  "bids_meta": {
    "AcquisitionNumber": 5,
    "BidsifyVersion": "0.3.5",
    "ConversionSoftware": "dcm2niix",
    "ConversionSoftwareVersion": "v1.0.20181125  GCC6.3.0",
    "EchoTime": 0.02762,
    "EffectiveEchoSpacing": 0.0006621159151938905,
    "ImageComments": "Piop",
    "ImageOrientationPatientDICOM": [
      0.994337,
      -0.0604457,
      0.0874133,
      0.0988974,
      0.82741,
      -0.552821
    ],
    "Manufacturer": "Philips",
    "NumberOfVolumesDiscardedByScanner": 2,
    "ParallelAcquisitionTechnique": "SENSE",
    "ParallelReductionFactorInPlane": 2,
    "PatientPosition": "HFS",
    "PhaseEncodingDirection": "j",
    "PhilipsRescaleIntercept": 0,
    "PhilipsRescaleSlope": 0.75629,
    "PhilipsScaleSlope": 0.065814,
    "ProtocolName": "WIPpiopharririSENSE",
    "PulseSequenceType": "gradient echo EPI",
    "ReconMatrixPE": 80,
    "RepetitionTime": 2,
    "SeriesDescription": "ImageMRSERIES",
    "SeriesNumber": 5,
    "SliceEncodingDirection": "k",
    "SliceTiming": [
      0.0,
      0.0541,
      0.1081,
      0.1622,
      0.2162,
      0.2703,
      0.3243,
      0.3784,
      0.4324,
      0.4865,
      0.5405,
      0.5946,
      0.6486,
      0.7027,
      0.7568,
      0.8108,
      0.8649,
      0.9189,
      0.973,
      1.027,
      1.0811,
      1.1351,
      1.1892,
      1.2432,
      1.2973,
      1.3514,
      1.4054,
      1.4595,
      1.5135,
      1.5676,
      1.6216,
      1.6757,
      1.7297,
      1.7838,
      1.8378,
      1.8919,
      1.9459
    ],
    "TaskName": "emomatching",
    "TotalReadoutTime": 0.025822520692561732,
    "UsePhilipsFloatNotDisplayScaling": 1,
    "acq_id": "seq",
    "dataset": "ds002785",
    "modality": "bold",
    "subject_id": "0120",
    "task_id": "emomatching"
  },
  "dummy_trs": 0,
  "dvars_nstd": 28.318490739999994,
  "dvars_std": 1.3475786543283579,
  "dvars_vstd": 1.1245566988805968,
  "efc": 0.43555673267494294,
  "fber": 131351.890625,
  "fd_mean": 0.2751614923916525,
  "fd_num": 48,
  "fd_perc": 35.55555555555556,
  "fwhm_avg": 1.8112399077489467,
  "fwhm_x": 1.76949,
  "fwhm_y": 1.8456933333333332,
  "fwhm_z": 1.8185363899135067,
  "gcor": 0.0358486,
  "gsr_x": -0.016303470358252525,
  "gsr_y": 0.013342548161745071,
  "provenance": {
    "md5sum": "c19920ff03e8b8da5712d3d65effbdb2",
    "settings": {
      "fd_thres": 0.2,
      "testing": false
    },
    "software": "mriqc",
    "version": "22.0.0rc1",
    "webapi_port": null,
    "webapi_url": "https://mriqc.nimh.nih.gov/api/v1"
  },
  "size_t": 135,
  "size_x": 80,
  "size_y": 80,
  "size_z": 37,
  "snr": 4.682229986206216,
  "spacing_tr": 2.0,
  "spacing_x": 3.0,
  "spacing_y": 3.0,
  "spacing_z": 3.299999952316284,
  "summary_bg_k": 30.579370054156975,
  "summary_bg_mad": 57.39482071203137,
  "summary_bg_mean": 472.37664794921875,
  "summary_bg_median": 55.34588623046875,
  "summary_bg_n": 157088.0,
  "summary_bg_p05": 5.548437857627869,
  "summary_bg_p95": 2597.2683471679647,
  "summary_bg_stdv": 1340.115966796875,
  "summary_fg_k": 1.95722577672883,
  "summary_fg_mad": 3783.3634136147384,
  "summary_fg_mean": 21452.94140625,
  "summary_fg_median": 20687.25,
  "summary_fg_n": 37869.0,
  "summary_fg_p05": 15839.6830078125,
  "summary_fg_p95": 29713.5078125,
  "summary_fg_stdv": 4418.18896484375,
  "tsnr": 52.94693374633789
}