{
  "aor": 0.013485308641975308,
  "aqi": 0.02790311296296297,
  "bids_meta": {
    "AcquisitionNumber": 8,
    "BidsifyVersion": "0.3.5",
    "ConversionSoftware": "dcm2niix",
    "ConversionSoftwareVersion": "v1.0.20181125  GCC6.3.0",
    "EchoTime": 0.02762,
    "EffectiveEchoSpacing": 0.0006621159151938905,
    "ImageComments": "Piop",
    "ImageOrientationPatientDICOM": [
      0.994337,
      -0.0604457,
      0.0874133,
      0.0988974,
      0.82741,
      -0.552821
    ],
    "Manufacturer": "Philips",
    "NumberOfVolumesDiscardedByScanner": 2,
    "ParallelAcquisitionTechnique": "SENSE",
    "ParallelReductionFactorInPlane": 2,
    "PatientPosition": "HFS",
    "PhaseEncodingDirection": "j",
    "PhilipsRescaleIntercept": 0,
    "PhilipsRescaleSlope": 0.74188,
    "PhilipsScaleSlope": 0.063991,
    "ProtocolName": "WIPpiopwmSENSE",
    "PulseSequenceType": "gradient echo EPI",
    "ReconMatrixPE": 80,
    "RepetitionTime": 2,
    "SeriesDescription": "ImageMRSERIES",
    "SeriesNumber": 8,
    "SliceEncodingDirection": "k",
    "SliceTiming": [
      0.0,
      0.0541,
      0.1081,
      0.1622,
      0.2162,
      0.2703,
      0.3243,
      0.3784,
      0.4324,
      0.4865,
      0.5405,
      0.5946,
      0.6486,
      0.7027,
      0.7568,
      0.8108,
      0.8649,
      0.9189,
      0.973,
      1.027,
      1.0811,
      1.1351,
      1.1892,
      1.2432,
      1.2973,
      1.3514,
      1.4054,
      1.4595,
      1.5135,
      1.5676,
      1.6216,
      1.6757,
      1.7297,
      1.7838,
      1.8378,
      1.8919,
      1.9459
    ],
    "TaskName": "workingmemory",
    "TotalReadoutTime": 0.025822520692561732,
    "UsePhilipsFloatNotDisplayScaling": 1,
    "acq_id": "seq",
    "dataset": "ds002785",
    "modality": "bold",
    "subject_id": "0120",
    "task_id": "workingmemory"
  },
  "dummy_trs": 0,
  "dvars_nstd": 42.76655886602484,
  "dvars_std": 1.0443330550931682,
  "dvars_vstd": 0.9406606418012416,
  "efc": 0.4358331073854983,
  "fber": 119959.5390625,
  "fd_mean": 0.7519526710483083,
  "fd_num": 102,
  "fd_perc": 62.96296296296296,
  "fwhm_avg": 1.8590794029472084,
  "fwhm_x": 1.8075733333333333,
  "fwhm_y": 1.8994799999999998,
  "fwhm_z": 1.8701848755082922,
  "gcor": 0.0214057,
  "gsr_x": -0.016239339485764503,
  "gsr_y": 0.012065008282661438,
  "provenance": {
    "md5sum": "b459b610587c38bfd522cc489f4fb2f1",
    "settings": {
      "fd_thres": 0.2,
      "testing": false
    },
    "software": "mriqc",
    "version": "22.0.0rc1",
    "webapi_port": null,
    "webapi_url": "https://mriqc.nimh.nih.gov/api/v1"
  },
  "size_t": 162,
  "size_x": 80,
  "size_y": 80,
  "size_z": 37,
  "snr": 4.70886828389911,
  "spacing_tr": 2.0,
  "spacing_x": 3.0,
  "spacing_y": 3.0,
  "spacing_z": 3.299999952316284,
  "summary_bg_k": 29.984128545442537,
  "summary_bg_mad": 58.09046211379305,
  "summary_bg_mean": 485.4317321777344,
  "summary_bg_median": 57.587646484375,
  "summary_bg_n": 157532.0,
  "summary_bg_p05": 8.917233991622926,
  "summary_bg_p95": 2642.6198242187397,
  "summary_bg_stdv": 1342.8721923828125,
  "summary_fg_k": 1.9226831436884657,
  "summary_fg_mad": 3730.6470593415074,
  "summary_fg_mean": 21118.86328125,
  "summary_fg_median": 20380.60546875,
  "summary_fg_n": 37499.0,
  "summary_fg_p05": 15622.53818359375,
  "summary_fg_p95": 29220.292578124998,
  "summary_fg_stdv": 4328.07470703125,
  "tsnr": 27.729846954345703
}