{
  "bids_meta": {
    "AcquisitionNumber": 4,
    "BidsifyVersion": "0.3.5",
    "ConversionSoftware": "dcm2niix",
    "ConversionSoftwareVersion": "v1.0.20181125  GCC6.3.0",
    "EchoTime": 0.00375,
    "ImageComments": "Piop",
    "ImageOrientationPatientDICOM": [
      0.996044,
      0.0364342,
      0.0810548,
      -0.0326941,
      0.99836,
      -0.0470012
    ],
    "Manufacturer": "Philips",
    "PatientPosition": "HFS",
    "PhilipsRescaleIntercept": 0,
    "PhilipsRescaleSlope": 9.86447,
    "PhilipsScaleSlope": 0.00690291,
    "ProtocolName": "WIPt13dSENSE",
    "ReconMatrixPE": 240,
    "RepetitionTime": 0.008206,
    "SeriesDescription": "ImageMRSERIES",
    "SeriesNumber": 4,
    "UsePhilipsFloatNotDisplayScaling": 1,
    "dataset": "ds002785",
    "modality": "T1w",
    "subject_id": "0082"
  },
  "cjv": 0.3155574197199754,
  "cnr": 3.8987703972282444,
  "efc": 0.7649208791579327,
  "fber": 1510.383544921875,
  "fwhm_avg": 3.598356666666666,
  "fwhm_x": 3.52074,
  "fwhm_y": 3.90077,
  "fwhm_z": 3.37356,
  "icvs_csf": 0.19866192080798822,
  "icvs_gm": 0.4163256813218683,
  "icvs_wm": 0.38501239787014346,
  "inu_med": 1.62534499168396,
  "inu_range": 0.42407764792442304,
  "provenance": {
    "md5sum": "08e81609d7e034b9bf53211147c2c1c4",
    "settings": {
      "testing": false
    },
    "software": "mriqc",
    "version": "22.0.0rc1",
    "warnings": {
      "large_rot_frame": true,
      "small_air_mask": true
    },
    "webapi_port": null,
    "webapi_url": "https://mriqc.nimh.nih.gov/api/v1"
  },
  "qi_1": 0.0,
  "qi_2": 0.00013524255821036816,
  "rpve_csf": 28.073042029047024,
  "rpve_gm": 14.478907475593846,
  "rpve_wm": 20.221413729753145,
  "size_x": 240,
  "size_y": 240,
  "size_z": 220,
  "snr_csf": 1.9569237354738147,
  "snr_gm": 7.3499381090265,
  "snr_total": 10.309984667687067,
  "snr_wm": 21.623092158560883,
  "snrd_csf": 19.973380978638954,
  "snrd_gm": 45.45984686967881,
  "snrd_total": 46.190069168978624,
  "snrd_wm": 73.1369796586181,
  "spacing_x": 1.0,
  "spacing_y": 1.0,
  "spacing_z": 1.0,
  "summary_bg_k": 14.062104970689852,
  "summary_bg_mad": 8.9574284645283,
  "summary_bg_mean": 12.783523559570312,
  "summary_bg_median": 12.057066917419434,
  "summary_bg_n": 151353.0,
  "summary_bg_p05": 0.0,
  "summary_bg_p95": 30.840892791748043,
  "summary_bg_stdv": 11.45351791381836,
  "summary_csf_k": -0.8713858369751839,
  "summary_csf_mad": 187.5308449308436,
  "summary_csf_mean": 261.21563720703125,
  "summary_csf_median": 273.08837890625,
  "summary_csf_n": 5654.0,
  "summary_csf_p05": 60.335046005249026,
  "summary_csf_p95": 463.92406768798827,
  "summary_csf_stdv": 139.53749084472656,
  "summary_gm_k": 0.4924209278580851,
  "summary_gm_mad": 78.33816205235875,
  "summary_gm_mean": 623.322265625,
  "summary_gm_median": 621.5550537109375,
  "summary_gm_n": 18106.0,
  "summary_gm_p05": 487.3999252319336,
  "summary_gm_p95": 768.3527374267578,
  "summary_gm_stdv": 84.56369018554688,
  "summary_wm_k": 1.2161599799034724,
  "summary_wm_mad": 41.07470538341539,
  "summary_wm_mean": 997.3978881835938,
  "summary_wm_median": 999.973876953125,
  "summary_wm_n": 226470.0,
  "summary_wm_p05": 917.2100494384765,
  "summary_wm_p95": 1067.6669494628907,
  "summary_wm_stdv": 46.24554443359375,
  "tpm_overlap_csf": 0.16655056178569794,
  "tpm_overlap_gm": 0.43078306317329407,
  "tpm_overlap_wm": 0.5035394430160522,
  "wm2max": 0.7829282274944624
}