{
  "aor": 0.0019592592592592595,
  "aqi": 0.00574898049382716,
  "bids_meta": {
    "AcquisitionNumber": 8,
    "BidsifyVersion": "0.3.5",
    "ConversionSoftware": "dcm2niix",
    "ConversionSoftwareVersion": "v1.0.20181125  GCC6.3.0",
    "EchoTime": 0.02762,
    "EffectiveEchoSpacing": 0.0006621159151938905,
    "ImageComments": "piop",
    "ImageOrientationPatientDICOM": [
      0.999455,
      0.0254234,
      -0.021065,
      -0.0279173,
      0.99137,
      -0.128084
    ],
    "Manufacturer": "Philips",
    "NumberOfVolumesDiscardedByScanner": 2,
    "ParallelAcquisitionTechnique": "SENSE",
    "ParallelReductionFactorInPlane": 2,
    "PatientPosition": "HFS",
    "PhaseEncodingDirection": "j",
    "PhilipsRescaleIntercept": 0,
    "PhilipsRescaleSlope": 0.77167,
    "PhilipsScaleSlope": 0.056522,
    "ProtocolName": "WIPpiopwmSENSE",
    "PulseSequenceType": "gradient echo EPI",
    "ReconMatrixPE": 80,
    "RepetitionTime": 2,
    "SeriesDescription": "ImageMRSERIES",
    "SeriesNumber": 8,
    "SliceEncodingDirection": "k",
    "SliceTiming": [
      0.0,
      0.0541,
      0.1081,
      0.1622,
      0.2162,
      0.2703,
      0.3243,
      0.3784,
      0.4324,
      0.4865,
      0.5405,
      0.5946,
      0.6486,
      0.7027,
      0.7568,
      0.8108,
      0.8649,
      0.9189,
      0.973,
      1.027,
      1.0811,
      1.1351,
      1.1892,
      1.2432,
      1.2973,
      1.3514,
      1.4054,
      1.4595,
      1.5135,
      1.5676,
      1.6216,
      1.6757,
      1.7297,
      1.7838,
      1.8378,
      1.8919,
      1.9459
    ],
    "TaskName": "workingmemory",
    "TotalReadoutTime": 0.025822520692561732,
    "UsePhilipsFloatNotDisplayScaling": 1,
    "acq_id": "seq",
    "dataset": "ds002785",
    "modality": "bold",
    "subject_id": "0026",
    "task_id": "workingmemory"
  },
  "dummy_trs": 0,
  "dvars_nstd": 23.342025223602494,
  "dvars_std": 1.2628501578260878,
  "dvars_vstd": 1.0025180895031052,
  "efc": 0.44153845928403523,
  "fber": 131366.734375,
  "fd_mean": 0.14630760843307694,
  "fd_num": 26,
  "fd_perc": 16.049382716049383,
  "fwhm_avg": 1.82980021038714,
  "fwhm_x": 1.7631500000000002,
  "fwhm_y": 1.9891233333333334,
  "fwhm_z": 1.7371272978280863,
  "gcor": 0.0432296,
  "gsr_x": -0.023653464391827583,
  "gsr_y": 0.021490639075636864,
  "provenance": {
    "md5sum": "c84b228b565c29d7d43bdce42b821f8c",
    "settings": {
      "fd_thres": 0.2,
      "testing": false
    },
    "software": "mriqc",
    "version": "22.0.0rc1",
    "webapi_port": null,
    "webapi_url": "https://mriqc.nimh.nih.gov/api/v1"
  },
  "size_t": 162,
  "size_x": 80,
  "size_y": 80,
  "size_z": 37,
  "snr": 5.0075264689134595,
  "spacing_tr": 2.0,
  "spacing_x": 3.0,
  "spacing_y": 3.0,
  "spacing_z": 3.299999952316284,
  "summary_bg_k": 52.73084126903005,
  "summary_bg_mad": 70.08808790003269,
  "summary_bg_mean": 697.6520385742188,
  "summary_bg_median": 61.90937423706055,
  "summary_bg_n": 158213.0,
  "summary_bg_p05": 3.9603504180908202,
  "summary_bg_p95": 4078.1684570312495,
  "summary_bg_stdv": 2020.061767578125,
  "summary_fg_k": 1.854424793606964,
  "summary_fg_mad": 4259.119461844846,
  "summary_fg_mean": 23441.484375,
  "summary_fg_median": 22960.197265625,
  "summary_fg_n": 37398.0,
  "summary_fg_p05": 17000.93916015625,
  "summary_fg_p95": 31055.66552734375,
  "summary_fg_stdv": 4585.076171875,
  "tsnr": 67.53422546386719
}