{
  "aor": 0.0014806000000000003,
  "aqi": 0.006219904950000001,
  "bids_meta": {
    "AcquisitionNumber": 9,
    "BidsifyVersion": "0.3.5",
    "ConversionSoftware": "dcm2niix",
    "ConversionSoftwareVersion": "v1.0.20181125  GCC6.3.0",
    "EchoTime": 0.02762,
    "EffectiveEchoSpacing": 0.0006621159151938905,
    "ImageComments": "piop",
    "ImageOrientationPatientDICOM": [
      0.999455,
      0.0254234,
      -0.021065,
      -0.0279173,
      0.99137,
      -0.128084
    ],
    "Manufacturer": "Philips",
    "NumberOfVolumesDiscardedByScanner": 2,
    "ParallelAcquisitionTechnique": "SENSE",
    "ParallelReductionFactorInPlane": 2,
    "PatientPosition": "HFS",
    "PhaseEncodingDirection": "j",
    "PhilipsRescaleIntercept": 0,
    "PhilipsRescaleSlope": 0.77094,
    "PhilipsScaleSlope": 0.0583844,
    "ProtocolName": "WIPpiopanticipatieSENSE",
    "PulseSequenceType": "gradient echo EPI",
    "ReconMatrixPE": 80,
    "RepetitionTime": 2,
    "SeriesDescription": "ImageMRSERIES",
    "SeriesNumber": 9,
    "SliceEncodingDirection": "k",
    "SliceTiming": [
      0.0,
      0.0541,
      0.1081,
      0.1622,
      0.2162,
      0.2703,
      0.3243,
      0.3784,
      0.4324,
      0.4865,
      0.5405,
      0.5946,
      0.6486,
      0.7027,
      0.7568,
      0.8108,
      0.8649,
      0.9189,
      0.973,
      1.027,
      1.0811,
      1.1351,
      1.1892,
      1.2432,
      1.2973,
      1.3514,
      1.4054,
      1.4595,
      1.5135,
      1.5676,
      1.6216,
      1.6757,
      1.7297,
      1.7838,
      1.8378,
      1.8919,
      1.9459
    ],
    "TaskName": "anticipation",
    "TotalReadoutTime": 0.025822520692561732,
    "UsePhilipsFloatNotDisplayScaling": 1,
    "acq_id": "seq",
    "dataset": "ds002785",
    "modality": "bold",
    "subject_id": "0026",
    "task_id": "anticipation"
  },
  "dummy_trs": 0,
  "dvars_nstd": 23.441840598391952,
  "dvars_std": 1.23671387281407,
  "dvars_vstd": 0.9804414559798995,
  "efc": 0.44170164077295787,
  "fber": 136266.796875,
  "fd_mean": 0.16119509384214714,
  "fd_num": 45,
  "fd_perc": 22.5,
  "fwhm_avg": 1.8058523314518897,
  "fwhm_x": 1.7449633333333334,
  "fwhm_y": 1.9660633333333333,
  "fwhm_z": 1.706530327689002,
  "gcor": 0.035791,
  "gsr_x": -0.024103127419948578,
  "gsr_y": 0.021179981529712677,
  "provenance": {
    "md5sum": "f23c3c6fec0e93d725b676100a513e95",
    "settings": {
      "fd_thres": 0.2,
      "testing": false
    },
    "software": "mriqc",
    "version": "22.0.0rc1",
    "webapi_port": null,
    "webapi_url": "https://mriqc.nimh.nih.gov/api/v1"
  },
  "size_t": 200,
  "size_x": 80,
  "size_y": 80,
  "size_z": 37,
  "snr": 5.081722828491114,
  "spacing_tr": 2.0,
  "spacing_x": 3.0,
  "spacing_y": 3.0,
  "spacing_z": 3.299999952316284,
  "summary_bg_k": 54.634264353573826,
  "summary_bg_mad": 63.99172727584052,
  "summary_bg_mean": 682.416748046875,
  "summary_bg_median": 59.73955535888672,
  "summary_bg_n": 158204.0,
  "summary_bg_p05": 5.0804046392440805,
  "summary_bg_p95": 3963.6724853515634,
  "summary_bg_stdv": 1974.9512939453125,
  "summary_fg_k": 2.0019699912908697,
  "summary_fg_mad": 4149.182480347436,
  "summary_fg_mean": 23078.1328125,
  "summary_fg_median": 22622.013671875,
  "summary_fg_n": 37370.0,
  "summary_fg_p05": 16838.7884765625,
  "summary_fg_p95": 30383.10439453125,
  "summary_fg_stdv": 4451.5830078125,
  "tsnr": 67.35833740234375
}