{
  "aor": 0.0004500303951367781,
  "aqi": 0.006761669118541033,
  "bids_meta": {
    "AcquisitionNumber": 2,
    "BidsifyVersion": "0.3.5",
    "ConversionSoftware": "dcm2niix",
    "ConversionSoftwareVersion": "v1.0.20181125  GCC6.3.0",
    "EchoTime": 0.02762,
    "EffectiveEchoSpacing": 0.0006333282667071997,
    "ImageComments": "piop",
    "ImageOrientationPatientDICOM": [
      0.999505,
      0.024812,
      -0.0193381,
      -0.0240783,
      0.999014,
      0.0372947
    ],
    "Manufacturer": "Philips",
    "NumberOfVolumesDiscardedByScanner": 2,
    "ParallelAcquisitionTechnique": "SENSE",
    "ParallelReductionFactorInPlane": 2,
    "PatientPosition": "HFS",
    "PhaseEncodingDirection": "j",
    "PhilipsRescaleIntercept": 0,
    "PhilipsRescaleSlope": 0.75018,
    "PhilipsScaleSlope": 0.0926891,
    "ProtocolName": "WIPpiopfacesSENSE",
    "PulseSequenceType": "gradient echo EPI",
    "ReconMatrixPE": 80,
    "RepetitionTime": 0.75,
    "SeriesDescription": "ImageMRSERIES",
    "SeriesNumber": 2,
    "SliceEncodingDirection": "k",
    "SliceTiming": [
      0.0,
      0.06755050505050506,
      0.1351010101010101,
      0.20265151515151517,
      0.2702020202020202,
      0.3377525252525253,
      0.40530303030303033,
      0.47285353535353536,
      0.5404040404040404,
      0.6079545454545455,
      0.6755050505050506,
      0.7430555555555556,
      0.0,
      0.06755050505050506,
      0.1351010101010101,
      0.20265151515151517,
      0.2702020202020202,
      0.3377525252525253,
      0.40530303030303033,
      0.47285353535353536,
      0.5404040404040404,
      0.6079545454545455,
      0.6755050505050506,
      0.7430555555555556,
      0.0,
      0.06755050505050506,
      0.1351010101010101,
      0.20265151515151517,
      0.2702020202020202,
      0.3377525252525253,
      0.40530303030303033,
      0.47285353535353536,
      0.5404040404040404,
      0.6079545454545455,
      0.6755050505050506,
      0.7430555555555556
    ],
    "TaskName": "faces",
    "TotalReadoutTime": 0.024699802401580786,
    "UsePhilipsFloatNotDisplayScaling": 1,
    "acq_id": "mb3",
    "dataset": "ds002785",
    "modality": "bold",
    "subject_id": "0026",
    "task_id": "faces"
  },
  "dummy_trs": 1,
  "dvars_nstd": 21.175957333658534,
  "dvars_std": 1.210415387682927,
  "dvars_vstd": 0.994905502256098,
  "efc": 0.4514783691636024,
  "fber": 159498.15625,
  "fd_mean": 0.10187860222094282,
  "fd_num": 9,
  "fd_perc": 2.735562310030395,
  "fwhm_avg": 2.229877529576309,
  "fwhm_x": 2.2513666666666667,
  "fwhm_y": 2.5410233333333334,
  "fwhm_z": 1.897242588728927,
  "gcor": 0.0412759,
  "gsr_x": -0.027850180864334106,
  "gsr_y": 0.024359125643968582,
  "provenance": {
    "md5sum": "7c02ce8a463f87874286754ddf0ca7aa",
    "settings": {
      "fd_thres": 0.2,
      "testing": false
    },
    "software": "mriqc",
    "version": "22.0.0rc1",
    "webapi_port": null,
    "webapi_url": "https://mriqc.nimh.nih.gov/api/v1"
  },
  "size_t": 329,
  "size_x": 80,
  "size_y": 80,
  "size_z": 36,
  "snr": 7.129880187151338,
  "spacing_tr": 0.75,
  "spacing_x": 3.0,
  "spacing_y": 3.0,
  "spacing_z": 3.299999713897705,
  "summary_bg_k": 36.004666207912535,
  "summary_bg_mad": 49.6572443621849,
  "summary_bg_mean": 535.1466064453125,
  "summary_bg_median": 42.986366271972656,
  "summary_bg_n": 154081.0,
  "summary_bg_p05": 1.0183088779449463,
  "summary_bg_p95": 2881.29736328125,
  "summary_bg_stdv": 1373.0294189453125,
  "summary_fg_k": 0.6698025080591243,
  "summary_fg_mad": 2326.71397320163,
  "summary_fg_mean": 17252.8515625,
  "summary_fg_median": 17175.76171875,
  "summary_fg_n": 36207.0,
  "summary_fg_p05": 13466.6841796875,
  "summary_fg_p95": 21179.552539062497,
  "summary_fg_stdv": 2408.949951171875,
  "tsnr": 76.0967788696289
}