{
  "aor": 0.0028795488721804516,
  "aqi": 0.0056909877443609026,
  "bids_meta": {
    "AcquisitionNumber": 5,
    "BidsifyVersion": "0.3.5",
    "ConversionSoftware": "dcm2niix",
    "ConversionSoftwareVersion": "v1.0.20181125  GCC6.3.0",
    "EchoTime": 0.02762,
    "EffectiveEchoSpacing": 0.0006621159151938905,
    "ImageComments": "piop",
    "ImageOrientationPatientDICOM": [
      0.999455,
      0.0254234,
      -0.021065,
      -0.0279173,
      0.99137,
      -0.128084
    ],
    "Manufacturer": "Philips",
    "NumberOfVolumesDiscardedByScanner": 2,
    "ParallelAcquisitionTechnique": "SENSE",
    "ParallelReductionFactorInPlane": 2,
    "PatientPosition": "HFS",
    "PhaseEncodingDirection": "j",
    "PhilipsRescaleIntercept": 0,
    "PhilipsRescaleSlope": 0.77485,
    "PhilipsScaleSlope": 0.0591462,
    "ProtocolName": "WIPpiopharririSENSE",
    "PulseSequenceType": "gradient echo EPI",
    "ReconMatrixPE": 80,
    "RepetitionTime": 2,
    "SeriesDescription": "ImageMRSERIES",
    "SeriesNumber": 5,
    "SliceEncodingDirection": "k",
    "SliceTiming": [
      0.0,
      0.0541,
      0.1081,
      0.1622,
      0.2162,
      0.2703,
      0.3243,
      0.3784,
      0.4324,
      0.4865,
      0.5405,
      0.5946,
      0.6486,
      0.7027,
      0.7568,
      0.8108,
      0.8649,
      0.9189,
      0.973,
      1.027,
      1.0811,
      1.1351,
      1.1892,
      1.2432,
      1.2973,
      1.3514,
      1.4054,
      1.4595,
      1.5135,
      1.5676,
      1.6216,
      1.6757,
      1.7297,
      1.7838,
      1.8378,
      1.8919,
      1.9459
    ],
    "TaskName": "emomatching",
    "TotalReadoutTime": 0.025822520692561732,
    "UsePhilipsFloatNotDisplayScaling": 1,
    "acq_id": "seq",
    "dataset": "ds002785",
    "modality": "bold",
    "subject_id": "0026",
    "task_id": "emomatching"
  },
  "dummy_trs": 2,
  "dvars_nstd": 23.9011251130303,
  "dvars_std": 1.2573120121969699,
  "dvars_vstd": 0.9950020395454544,
  "efc": 0.44067195544236004,
  "fber": 143316.0625,
  "fd_mean": 0.15170475567828415,
  "fd_num": 20,
  "fd_perc": 15.037593984962406,
  "fwhm_avg": 1.8134982911662778,
  "fwhm_x": 1.7358633333333333,
  "fwhm_y": 1.9735133333333332,
  "fwhm_z": 1.7311182068321664,
  "gcor": 0.0362043,
  "gsr_x": -0.02405395172536373,
  "gsr_y": 0.022133467718958855,
  "provenance": {
    "md5sum": "25934aa3fdb164369e0d199b7e569e4b",
    "settings": {
      "fd_thres": 0.2,
      "testing": false
    },
    "software": "mriqc",
    "version": "22.0.0rc1",
    "webapi_port": null,
    "webapi_url": "https://mriqc.nimh.nih.gov/api/v1"
  },
  "size_t": 133,
  "size_x": 80,
  "size_y": 80,
  "size_z": 37,
  "snr": 5.043228426033865,
  "spacing_tr": 2.0,
  "spacing_x": 3.0,
  "spacing_y": 3.0,
  "spacing_z": 3.299999952316284,
  "summary_bg_k": 58.470344612835426,
  "summary_bg_mad": 61.20366434916643,
  "summary_bg_mean": 671.2108154296875,
  "summary_bg_median": 59.36833953857422,
  "summary_bg_n": 158132.0,
  "summary_bg_p05": 5.323023891448974,
  "summary_bg_p95": 3913.8326660156226,
  "summary_bg_stdv": 1958.8231201171875,
  "summary_fg_k": 1.9480949567907615,
  "summary_fg_mad": 4226.311096345493,
  "summary_fg_mean": 23468.47265625,
  "summary_fg_median": 22980.55078125,
  "summary_fg_n": 37400.0,
  "summary_fg_p05": 17105.1544921875,
  "summary_fg_p95": 30998.69794921875,
  "summary_fg_stdv": 4556.6533203125,
  "tsnr": 68.89378356933594
}