{
  "aor": 0.0008115271966527198,
  "aqi": 0.010267771025104603,
  "bids_meta": {
    "AcquisitionNumber": 6,
    "BidsifyVersion": "0.3.5",
    "ConversionSoftware": "dcm2niix",
    "ConversionSoftwareVersion": "v1.0.20181125  GCC6.3.0",
    "EchoTime": 0.02763,
    "EffectiveEchoSpacing": 0.0006333282667071997,
    "ImageComments": "piop",
    "ImageOrientationPatientDICOM": [
      0.999505,
      0.024812,
      -0.0193381,
      -0.0240783,
      0.999014,
      0.0372947
    ],
    "Manufacturer": "Philips",
    "NumberOfVolumesDiscardedByScanner": 2,
    "ParallelAcquisitionTechnique": "SENSE",
    "ParallelReductionFactorInPlane": 2,
    "PatientPosition": "HFS",
    "PhaseEncodingDirection": "j",
    "PhilipsRescaleIntercept": 0,
    "PhilipsRescaleSlope": 0.75311,
    "PhilipsScaleSlope": 0.0898028,
    "ProtocolName": "WIPpioprsSENSE",
    "PulseSequenceType": "gradient echo EPI",
    "ReconMatrixPE": 80,
    "RepetitionTime": 0.75,
    "SeriesDescription": "ImageMRSERIES",
    "SeriesNumber": 6,
    "SliceEncodingDirection": "k",
    "SliceTiming": [
      0.0,
      0.06755050505050506,
      0.1351010101010101,
      0.20265151515151517,
      0.2702020202020202,
      0.3377525252525253,
      0.40530303030303033,
      0.47285353535353536,
      0.5404040404040404,
      0.6079545454545455,
      0.6755050505050506,
      0.7430555555555556,
      0.0,
      0.06755050505050506,
      0.1351010101010101,
      0.20265151515151517,
      0.2702020202020202,
      0.3377525252525253,
      0.40530303030303033,
      0.47285353535353536,
      0.5404040404040404,
      0.6079545454545455,
      0.6755050505050506,
      0.7430555555555556,
      0.0,
      0.06755050505050506,
      0.1351010101010101,
      0.20265151515151517,
      0.2702020202020202,
      0.3377525252525253,
      0.40530303030303033,
      0.47285353535353536,
      0.5404040404040404,
      0.6079545454545455,
      0.6755050505050506,
      0.7430555555555556
    ],
    "TaskName": "restingstate",
    "TotalReadoutTime": 0.024699802401580786,
    "UsePhilipsFloatNotDisplayScaling": 1,
    "acq_id": "mb3",
    "dataset": "ds002785",
    "modality": "bold",
    "subject_id": "0026",
    "task_id": "restingstate"
  },
  "dummy_trs": 2,
  "dvars_nstd": 33.60994630096436,
  "dvars_std": 1.2467365964150943,
  "dvars_vstd": 1.0126962048008386,
  "efc": 0.4480984492379538,
  "fber": 136546.671875,
  "fd_mean": 0.10057471170840504,
  "fd_num": 15,
  "fd_perc": 3.1380753138075312,
  "fwhm_avg": 1.7871482909426295,
  "fwhm_x": 1.7182033333333333,
  "fwhm_y": 1.9585566666666667,
  "fwhm_z": 1.6846848728278891,
  "gcor": 0.0256618,
  "gsr_x": -0.02581125870347023,
  "gsr_y": 0.02461642399430275,
  "provenance": {
    "md5sum": "953c5fb954d21a642d3e218cd70c326e",
    "settings": {
      "fd_thres": 0.2,
      "testing": false
    },
    "software": "mriqc",
    "version": "22.0.0rc1",
    "webapi_port": null,
    "webapi_url": "https://mriqc.nimh.nih.gov/api/v1"
  },
  "size_t": 478,
  "size_x": 80,
  "size_y": 80,
  "size_z": 36,
  "snr": 6.074787279201778,
  "spacing_tr": 0.75,
  "spacing_x": 3.0,
  "spacing_y": 3.0,
  "spacing_z": 3.299999952316284,
  "summary_bg_k": 43.39332300375998,
  "summary_bg_mad": 50.76466724140197,
  "summary_bg_mean": 533.1883544921875,
  "summary_bg_median": 44.63787841796875,
  "summary_bg_n": 153468.0,
  "summary_bg_p05": 2.321701180934906,
  "summary_bg_p95": 3016.8979736328097,
  "summary_bg_stdv": 1451.4942626953125,
  "summary_fg_k": 1.2251627354830026,
  "summary_fg_mad": 2639.416354105024,
  "summary_fg_mean": 16974.453125,
  "summary_fg_median": 16828.234375,
  "summary_fg_n": 36392.0,
  "summary_fg_p05": 12829.816015625,
  "summary_fg_p95": 21536.082324218747,
  "summary_fg_stdv": 2770.138671875,
  "tsnr": 49.1747932434082
}