{
  "aor": 0.0053910612244897965,
  "aqi": 0.0064057627346938775,
  "bids_meta": {
    "AcquisitionNumber": 3,
    "BidsifyVersion": "0.3.5",
    "ConversionSoftware": "dcm2niix",
    "ConversionSoftwareVersion": "v1.0.20181125  GCC6.3.0",
    "EchoTime": 0.02762,
    "EffectiveEchoSpacing": 0.0006621159151938905,
    "ImageComments": "piop",
    "ImageOrientationPatientDICOM": [
      0.999455,
      0.0254234,
      -0.021065,
      -0.0279173,
      0.99137,
      -0.128084
    ],
    "Manufacturer": "Philips",
    "NumberOfVolumesDiscardedByScanner": 2,
    "ParallelAcquisitionTechnique": "SENSE",
    "ParallelReductionFactorInPlane": 2,
    "PatientPosition": "HFS",
    "PhaseEncodingDirection": "j",
    "PhilipsRescaleIntercept": 0,
    "PhilipsRescaleSlope": 0.77094,
    "PhilipsScaleSlope": 0.0573387,
    "ProtocolName": "WIPpiopgstroopSENSE",
    "PulseSequenceType": "gradient echo EPI",
    "ReconMatrixPE": 80,
    "RepetitionTime": 2,
    "SeriesDescription": "ImageMRSERIES",
    "SeriesNumber": 3,
    "SliceEncodingDirection": "k",
    "SliceTiming": [
      0.0,
      0.0541,
      0.1081,
      0.1622,
      0.2162,
      0.2703,
      0.3243,
      0.3784,
      0.4324,
      0.4865,
      0.5405,
      0.5946,
      0.6486,
      0.7027,
      0.7568,
      0.8108,
      0.8649,
      0.9189,
      0.973,
      1.027,
      1.0811,
      1.1351,
      1.1892,
      1.2432,
      1.2973,
      1.3514,
      1.4054,
      1.4595,
      1.5135,
      1.5676,
      1.6216,
      1.6757,
      1.7297,
      1.7838,
      1.8378,
      1.8919,
      1.9459
    ],
    "TaskName": "gstroop",
    "TotalReadoutTime": 0.025822520692561732,
    "UsePhilipsFloatNotDisplayScaling": 1,
    "acq_id": "seq",
    "dataset": "ds002785",
    "modality": "bold",
    "subject_id": "0026",
    "task_id": "gstroop"
  },
  "dummy_trs": 0,
  "dvars_nstd": 21.927147017254104,
  "dvars_std": 1.214332080081967,
  "dvars_vstd": 0.9917379945901644,
  "efc": 0.4403450654187121,
  "fber": 126765.984375,
  "fd_mean": 0.1960777294973989,
  "fd_num": 40,
  "fd_perc": 16.3265306122449,
  "fwhm_avg": 1.809048594127179,
  "fwhm_x": 1.7508033333333335,
  "fwhm_y": 1.9596333333333333,
  "fwhm_z": 1.7167091157148695,
  "gcor": 0.024871,
  "gsr_x": -0.024426180869340897,
  "gsr_y": 0.022849470376968384,
  "provenance": {
    "md5sum": "c16ad63bd68516cdf6306c32abfdd278",
    "settings": {
      "fd_thres": 0.2,
      "testing": false
    },
    "software": "mriqc",
    "version": "22.0.0rc1",
    "webapi_port": null,
    "webapi_url": "https://mriqc.nimh.nih.gov/api/v1"
  },
  "size_t": 245,
  "size_x": 80,
  "size_y": 80,
  "size_z": 37,
  "snr": 5.010883418607058,
  "spacing_tr": 2.0,
  "spacing_x": 3.0,
  "spacing_y": 3.0,
  "spacing_z": 3.299999952316284,
  "summary_bg_k": 59.85466409383959,
  "summary_bg_mad": 73.21159054010903,
  "summary_bg_mean": 698.5748901367188,
  "summary_bg_median": 64.30621337890625,
  "summary_bg_n": 158349.0,
  "summary_bg_p05": 5.3874914169311525,
  "summary_bg_p95": 3971.447167968755,
  "summary_bg_stdv": 2024.131103515625,
  "summary_fg_k": 1.9567470115609336,
  "summary_fg_mad": 4382.59966712341,
  "summary_fg_mean": 24056.916015625,
  "summary_fg_median": 23550.28125,
  "summary_fg_n": 37282.0,
  "summary_fg_p05": 17448.16865234375,
  "summary_fg_p95": 31823.995312499996,
  "summary_fg_stdv": 4699.76318359375,
  "tsnr": 63.872135162353516
}