{
  "bids_meta": {
    "AcquisitionNumber": 4,
    "BidsifyVersion": "0.3.5",
    "ConversionSoftware": "dcm2niix",
    "ConversionSoftwareVersion": "v1.0.20181125  GCC6.3.0",
    "EchoTime": 0.00379,
    "ImageComments": "piop",
    "ImageOrientationPatientDICOM": [
      0.995189,
      0.0673542,
      -0.0711483,
      -0.0732568,
      0.993778,
      -0.0838975
    ],
    "Manufacturer": "Philips",
    "PatientPosition": "HFS",
    "PhilipsRescaleIntercept": 0,
    "PhilipsRescaleSlope": 9.12234,
    "PhilipsScaleSlope": 0.00719417,
    "ProtocolName": "WIPt13dSENSE",
    "ReconMatrixPE": 240,
    "RepetitionTime": 0.008262,
    "SeriesDescription": "ImageMRSERIES",
    "SeriesNumber": 4,
    "UsePhilipsFloatNotDisplayScaling": 1,
    "dataset": "ds002785",
    "modality": "T1w",
    "subject_id": "0200"
  },
  "cjv": 0.3968530218145222,
  "cnr": 3.2117780198277086,
  "efc": 0.752078259980481,
  "fber": 209.78038024902344,
  "fwhm_avg": 4.122223498930544,
  "fwhm_x": 4.03189,
  "fwhm_y": 4.2802702551239875,
  "fwhm_z": 4.054510241667642,
  "icvs_csf": 0.24719744039270086,
  "icvs_gm": 0.397931420828735,
  "icvs_wm": 0.35487113877856413,
  "inu_med": 1.2490018606185913,
  "inu_range": 0.406640887260437,
  "provenance": {
    "md5sum": "0474d674f3ed093e19b9cc4dfe9e27ef",
    "settings": {
      "testing": false
    },
    "software": "mriqc",
    "version": "22.0.0rc1",
    "warnings": {
      "large_rot_frame": true,
      "small_air_mask": true
    },
    "webapi_port": null,
    "webapi_url": "https://mriqc.nimh.nih.gov/api/v1"
  },
  "qi_1": 0.0012019788802509195,
  "qi_2": 8.857800746153952e-05,
  "rpve_csf": 27.27291003845178,
  "rpve_gm": 16.47550665772558,
  "rpve_wm": 23.0814828381992,
  "size_x": 240,
  "size_y": 240,
  "size_z": 220,
  "snr_csf": 3.0456408608762513,
  "snr_gm": 8.854920033539022,
  "snr_total": 9.757395484248825,
  "snr_wm": 17.371625558331203,
  "snrd_csf": 20.067215193425152,
  "snrd_gm": 40.60923460901308,
  "snrd_total": 40.245853931199555,
  "snrd_wm": 60.06111199116045,
  "spacing_x": 1.0,
  "spacing_y": 0.9999999403953552,
  "spacing_z": 0.9999999403953552,
  "summary_bg_k": 18.39649274737172,
  "summary_bg_mad": 10.907974109714434,
  "summary_bg_mean": 23.226224899291992,
  "summary_bg_median": 14.432241439819336,
  "summary_bg_n": 184652.0,
  "summary_bg_p05": 0.0,
  "summary_bg_p95": 79.35177459716796,
  "summary_bg_stdv": 32.007659912109375,
  "summary_csf_k": -0.3609773716459519,
  "summary_csf_mad": 113.04900735162956,
  "summary_csf_mean": 323.0310974121094,
  "summary_csf_median": 334.1177062988281,
  "summary_csf_n": 15179.0,
  "summary_csf_p05": 127.31028289794922,
  "summary_csf_p95": 484.2373443603516,
  "summary_csf_stdv": 109.69996643066406,
  "summary_gm_k": -0.04460166732184723,
  "summary_gm_mad": 76.79443325923154,
  "summary_gm_mean": 678.9339599609375,
  "summary_gm_median": 676.140869140625,
  "summary_gm_n": 19573.0,
  "summary_gm_p05": 557.4267578125,
  "summary_gm_p95": 808.9276611328124,
  "summary_gm_stdv": 76.35569763183594,
  "summary_wm_k": 0.8716399317287928,
  "summary_wm_mad": 51.73529763554046,
  "summary_wm_mean": 999.3138427734375,
  "summary_wm_median": 1000.0132446289062,
  "summary_wm_n": 179386.0,
  "summary_wm_p05": 902.6940307617188,
  "summary_wm_p95": 1091.8484191894531,
  "summary_wm_stdv": 57.565738677978516,
  "tpm_overlap_csf": 0.17063452303409576,
  "tpm_overlap_gm": 0.4464058578014374,
  "tpm_overlap_wm": 0.5193419456481934,
  "wm2max": 0.6268408471959176
}