{
  "aor": 0.00021419624217118997,
  "aqi": 0.008041349206680584,
  "bids_meta": {
    "AcquisitionNumber": 6,
    "BidsifyVersion": "0.3.5",
    "ConversionSoftware": "dcm2niix",
    "ConversionSoftwareVersion": "v1.0.20181125  GCC6.3.0",
    "EchoTime": 0.02762,
    "EffectiveEchoSpacing": 0.0006333282667071997,
    "ImageComments": "piop",
    "ImageOrientationPatientDICOM": [
      0.993018,
      -0.106481,
      -0.0507725,
      0.100517,
      0.989025,
      -0.108283
    ],
    "Manufacturer": "Philips",
    "NumberOfVolumesDiscardedByScanner": 2,
    "ParallelAcquisitionTechnique": "SENSE",
    "ParallelReductionFactorInPlane": 2,
    "PatientPosition": "HFS",
    "PhaseEncodingDirection": "j",
    "PhilipsRescaleIntercept": 0,
    "PhilipsRescaleSlope": 0.80391,
    "PhilipsScaleSlope": 0.0900228,
    "ProtocolName": "WIPpioprsSENSE",
    "PulseSequenceType": "gradient echo EPI",
    "ReconMatrixPE": 80,
    "RepetitionTime": 0.75,
    "SeriesDescription": "ImageMRSERIES",
    "SeriesNumber": 6,
    "SliceEncodingDirection": "k",
    "SliceTiming": [
      0.0,
      0.06755050505050506,
      0.1351010101010101,
      0.20265151515151517,
      0.2702020202020202,
      0.3377525252525253,
      0.40530303030303033,
      0.47285353535353536,
      0.5404040404040404,
      0.6079545454545455,
      0.6755050505050506,
      0.7430555555555556,
      0.0,
      0.06755050505050506,
      0.1351010101010101,
      0.20265151515151517,
      0.2702020202020202,
      0.3377525252525253,
      0.40530303030303033,
      0.47285353535353536,
      0.5404040404040404,
      0.6079545454545455,
      0.6755050505050506,
      0.7430555555555556,
      0.0,
      0.06755050505050506,
      0.1351010101010101,
      0.20265151515151517,
      0.2702020202020202,
      0.3377525252525253,
      0.40530303030303033,
      0.47285353535353536,
      0.5404040404040404,
      0.6079545454545455,
      0.6755050505050506,
      0.7430555555555556
    ],
    "TaskName": "restingstate",
    "TotalReadoutTime": 0.024699802401580786,
    "UsePhilipsFloatNotDisplayScaling": 1,
    "acq_id": "mb3",
    "dataset": "ds002785",
    "modality": "bold",
    "subject_id": "0034",
    "task_id": "restingstate"
  },
  "dummy_trs": 1,
  "dvars_nstd": 27.785687123326387,
  "dvars_std": 1.1177088019246852,
  "dvars_vstd": 1.0005072392050212,
  "efc": 0.430823463144025,
  "fber": 259455.8125,
  "fd_mean": 0.08159340820048108,
  "fd_num": 2,
  "fd_perc": 0.4175365344467641,
  "fwhm_avg": 1.7729869778079743,
  "fwhm_x": 1.74594,
  "fwhm_y": 1.88903,
  "fwhm_z": 1.683990933423923,
  "gcor": 0.0110627,
  "gsr_x": -0.019748466089367867,
  "gsr_y": 0.009523811750113964,
  "provenance": {
    "md5sum": "fc4c4bf68a0cab6b677465632d746583",
    "settings": {
      "fd_thres": 0.2,
      "testing": false
    },
    "software": "mriqc",
    "version": "22.0.0rc1",
    "webapi_port": null,
    "webapi_url": "https://mriqc.nimh.nih.gov/api/v1"
  },
  "size_t": 479,
  "size_x": 80,
  "size_y": 80,
  "size_z": 36,
  "snr": 6.835378533561972,
  "spacing_tr": 0.75,
  "spacing_x": 3.0,
  "spacing_y": 3.0,
  "spacing_z": 3.299999952316284,
  "summary_bg_k": 48.23394424846706,
  "summary_bg_mad": 37.085145140089885,
  "summary_bg_mean": 326.40380859375,
  "summary_bg_median": 31.73955535888672,
  "summary_bg_n": 154207.0,
  "summary_bg_p05": 0.4629474103450775,
  "summary_bg_p95": 1664.1878295898423,
  "summary_bg_stdv": 1027.8836669921875,
  "summary_fg_k": 1.5599094458528127,
  "summary_fg_mad": 2220.047693278051,
  "summary_fg_mean": 16618.0703125,
  "summary_fg_median": 16515.796875,
  "summary_fg_n": 36322.0,
  "summary_fg_p05": 12897.719580078125,
  "summary_fg_p95": 20534.482226562497,
  "summary_fg_stdv": 2416.189453125,
  "tsnr": 57.18920135498047
}