{
  "aor": 0.00032372727272727273,
  "aqi": 0.007613012181818181,
  "bids_meta": {
    "AcquisitionNumber": 2,
    "BidsifyVersion": "0.3.5",
    "ConversionSoftware": "dcm2niix",
    "ConversionSoftwareVersion": "v1.0.20181125  GCC6.3.0",
    "EchoTime": 0.02762,
    "EffectiveEchoSpacing": 0.0006333282667071997,
    "ImageComments": "piop",
    "ImageOrientationPatientDICOM": [
      0.993018,
      -0.106481,
      -0.0507725,
      0.100517,
      0.989025,
      -0.108283
    ],
    "Manufacturer": "Philips",
    "NumberOfVolumesDiscardedByScanner": 2,
    "ParallelAcquisitionTechnique": "SENSE",
    "ParallelReductionFactorInPlane": 2,
    "PatientPosition": "HFS",
    "PhaseEncodingDirection": "j",
    "PhilipsRescaleIntercept": 0,
    "PhilipsRescaleSlope": 0.81001,
    "PhilipsScaleSlope": 0.0923645,
    "ProtocolName": "WIPpiopfacesSENSE",
    "PulseSequenceType": "gradient echo EPI",
    "ReconMatrixPE": 80,
    "RepetitionTime": 0.75,
    "SeriesDescription": "ImageMRSERIES",
    "SeriesNumber": 2,
    "SliceEncodingDirection": "k",
    "SliceTiming": [
      0.0,
      0.06755050505050506,
      0.1351010101010101,
      0.20265151515151517,
      0.2702020202020202,
      0.3377525252525253,
      0.40530303030303033,
      0.47285353535353536,
      0.5404040404040404,
      0.6079545454545455,
      0.6755050505050506,
      0.7430555555555556,
      0.0,
      0.06755050505050506,
      0.1351010101010101,
      0.20265151515151517,
      0.2702020202020202,
      0.3377525252525253,
      0.40530303030303033,
      0.47285353535353536,
      0.5404040404040404,
      0.6079545454545455,
      0.6755050505050506,
      0.7430555555555556,
      0.0,
      0.06755050505050506,
      0.1351010101010101,
      0.20265151515151517,
      0.2702020202020202,
      0.3377525252525253,
      0.40530303030303033,
      0.47285353535353536,
      0.5404040404040404,
      0.6079545454545455,
      0.6755050505050506,
      0.7430555555555556
    ],
    "TaskName": "faces",
    "TotalReadoutTime": 0.024699802401580786,
    "UsePhilipsFloatNotDisplayScaling": 1,
    "acq_id": "mb3",
    "dataset": "ds002785",
    "modality": "bold",
    "subject_id": "0034",
    "task_id": "faces"
  },
  "dummy_trs": 0,
  "dvars_nstd": 27.632302872553197,
  "dvars_std": 1.1239511151671726,
  "dvars_vstd": 1.007384197507598,
  "efc": 0.42966434981603996,
  "fber": 264190.5625,
  "fd_mean": 0.0821201255006928,
  "fd_num": 2,
  "fd_perc": 0.6060606060606061,
  "fwhm_avg": 1.8009955637364439,
  "fwhm_x": 1.7729266666666668,
  "fwhm_y": 1.93156,
  "fwhm_z": 1.6985000245426645,
  "gcor": 0.0129298,
  "gsr_x": -0.01967216283082962,
  "gsr_y": 0.00894421711564064,
  "provenance": {
    "md5sum": "f40cc13ebb3cef21e30db147a2370e0f",
    "settings": {
      "fd_thres": 0.2,
      "testing": false
    },
    "software": "mriqc",
    "version": "22.0.0rc1",
    "webapi_port": null,
    "webapi_url": "https://mriqc.nimh.nih.gov/api/v1"
  },
  "size_t": 330,
  "size_x": 80,
  "size_y": 80,
  "size_z": 36,
  "snr": 6.640870992462826,
  "spacing_tr": 0.75,
  "spacing_x": 3.0,
  "spacing_y": 3.0,
  "spacing_z": 3.299999952316284,
  "summary_bg_k": 50.783025494826866,
  "summary_bg_mad": 37.27782598093994,
  "summary_bg_mean": 327.33984375,
  "summary_bg_median": 32.116844177246094,
  "summary_bg_n": 154330.0,
  "summary_bg_p05": 0.4275500327348709,
  "summary_bg_p95": 1646.6783203124996,
  "summary_bg_stdv": 1046.55517578125,
  "summary_fg_k": 1.5236697108820954,
  "summary_fg_mad": 2334.0154995570238,
  "summary_fg_mean": 16967.826171875,
  "summary_fg_median": 16855.5234375,
  "summary_fg_n": 36254.0,
  "summary_fg_p05": 13057.84130859375,
  "summary_fg_p95": 21068.9748046875,
  "summary_fg_stdv": 2538.114501953125,
  "tsnr": 57.80738830566406
}