{
  "aor": 0.0005104081632653061,
  "aqi": 0.002884261632653061,
  "bids_meta": {
    "AcquisitionNumber": 3,
    "BidsifyVersion": "0.3.5",
    "ConversionSoftware": "dcm2niix",
    "ConversionSoftwareVersion": "v1.0.20181125  GCC6.3.0",
    "EchoTime": 0.02762,
    "EffectiveEchoSpacing": 0.0006621159151938905,
    "ImageComments": "piop",
    "ImageOrientationPatientDICOM": [
      0.993018,
      -0.106481,
      -0.0507725,
      0.100517,
      0.989025,
      -0.108283
    ],
    "Manufacturer": "Philips",
    "NumberOfVolumesDiscardedByScanner": 2,
    "ParallelAcquisitionTechnique": "SENSE",
    "ParallelReductionFactorInPlane": 2,
    "PatientPosition": "HFS",
    "PhaseEncodingDirection": "j",
    "PhilipsRescaleIntercept": 0,
    "PhilipsRescaleSlope": 0.78315,
    "PhilipsScaleSlope": 0.0537977,
    "ProtocolName": "WIPpiopgstroopSENSE",
    "PulseSequenceType": "gradient echo EPI",
    "ReconMatrixPE": 80,
    "RepetitionTime": 2,
    "SeriesDescription": "ImageMRSERIES",
    "SeriesNumber": 3,
    "SliceEncodingDirection": "k",
    "SliceTiming": [
      0.0,
      0.0541,
      0.1081,
      0.1622,
      0.2162,
      0.2703,
      0.3243,
      0.3784,
      0.4324,
      0.4865,
      0.5405,
      0.5946,
      0.6486,
      0.7027,
      0.7568,
      0.8108,
      0.8649,
      0.9189,
      0.973,
      1.027,
      1.0811,
      1.1351,
      1.1892,
      1.2432,
      1.2973,
      1.3514,
      1.4054,
      1.4595,
      1.5135,
      1.5676,
      1.6216,
      1.6757,
      1.7297,
      1.7838,
      1.8378,
      1.8919,
      1.9459
    ],
    "TaskName": "gstroop",
    "TotalReadoutTime": 0.025822520692561732,
    "UsePhilipsFloatNotDisplayScaling": 1,
    "acq_id": "seq",
    "dataset": "ds002785",
    "modality": "bold",
    "subject_id": "0034",
    "task_id": "gstroop"
  },
  "dummy_trs": 0,
  "dvars_nstd": 16.712349790286883,
  "dvars_std": 1.1561290891803282,
  "dvars_vstd": 0.9934004354918032,
  "efc": 0.4217848636816325,
  "fber": 238712.828125,
  "fd_mean": 0.08688016137282933,
  "fd_num": 3,
  "fd_perc": 1.2244897959183674,
  "fwhm_avg": 1.8139545537718877,
  "fwhm_x": 1.7960833333333335,
  "fwhm_y": 1.91895,
  "fwhm_z": 1.7268303279823294,
  "gcor": 0.0182372,
  "gsr_x": -0.018790675327181816,
  "gsr_y": 0.00905602052807808,
  "provenance": {
    "md5sum": "285d235b4fdf0660358f306262d0db7f",
    "settings": {
      "fd_thres": 0.2,
      "testing": false
    },
    "software": "mriqc",
    "version": "22.0.0rc1",
    "webapi_port": null,
    "webapi_url": "https://mriqc.nimh.nih.gov/api/v1"
  },
  "size_t": 245,
  "size_x": 80,
  "size_y": 80,
  "size_z": 37,
  "snr": 5.3495185229175695,
  "spacing_tr": 2.0,
  "spacing_x": 3.0,
  "spacing_y": 3.0,
  "spacing_z": 3.299999952316284,
  "summary_bg_k": 56.15967225553153,
  "summary_bg_mad": 52.45893747435474,
  "summary_bg_mean": 461.3865966796875,
  "summary_bg_median": 49.517601013183594,
  "summary_bg_n": 159556.0,
  "summary_bg_p05": 1.0677403211593628,
  "summary_bg_p95": 2351.5263671875,
  "summary_bg_stdv": 1544.4718017578125,
  "summary_fg_k": 3.0679847212311655,
  "summary_fg_mad": 4194.055810970623,
  "summary_fg_mean": 25456.6015625,
  "summary_fg_median": 24883.0625,
  "summary_fg_n": 36735.0,
  "summary_fg_p05": 19179.39375,
  "summary_fg_p95": 33020.231640624996,
  "summary_fg_stdv": 4651.39501953125,
  "tsnr": 97.66875457763672
}