{
  "aor": 0.001079925925925926,
  "aqi": 0.0025444593333333334,
  "bids_meta": {
    "AcquisitionNumber": 5,
    "BidsifyVersion": "0.3.5",
    "ConversionSoftware": "dcm2niix",
    "ConversionSoftwareVersion": "v1.0.20181125  GCC6.3.0",
    "EchoTime": 0.02762,
    "EffectiveEchoSpacing": 0.0006621159151938905,
    "ImageComments": "piop",
    "ImageOrientationPatientDICOM": [
      0.993018,
      -0.106481,
      -0.0507725,
      0.100517,
      0.989025,
      -0.108283
    ],
    "Manufacturer": "Philips",
    "NumberOfVolumesDiscardedByScanner": 2,
    "ParallelAcquisitionTechnique": "SENSE",
    "ParallelReductionFactorInPlane": 2,
    "PatientPosition": "HFS",
    "PhaseEncodingDirection": "j",
    "PhilipsRescaleIntercept": 0,
    "PhilipsRescaleSlope": 0.76313,
    "PhilipsScaleSlope": 0.0563375,
    "ProtocolName": "WIPpiopharririSENSE",
    "PulseSequenceType": "gradient echo EPI",
    "ReconMatrixPE": 80,
    "RepetitionTime": 2,
    "SeriesDescription": "ImageMRSERIES",
    "SeriesNumber": 5,
    "SliceEncodingDirection": "k",
    "SliceTiming": [
      0.0,
      0.0541,
      0.1081,
      0.1622,
      0.2162,
      0.2703,
      0.3243,
      0.3784,
      0.4324,
      0.4865,
      0.5405,
      0.5946,
      0.6486,
      0.7027,
      0.7568,
      0.8108,
      0.8649,
      0.9189,
      0.973,
      1.027,
      1.0811,
      1.1351,
      1.1892,
      1.2432,
      1.2973,
      1.3514,
      1.4054,
      1.4595,
      1.5135,
      1.5676,
      1.6216,
      1.6757,
      1.7297,
      1.7838,
      1.8378,
      1.8919,
      1.9459
    ],
    "TaskName": "emomatching",
    "TotalReadoutTime": 0.025822520692561732,
    "UsePhilipsFloatNotDisplayScaling": 1,
    "acq_id": "seq",
    "dataset": "ds002785",
    "modality": "bold",
    "subject_id": "0034",
    "task_id": "emomatching"
  },
  "dummy_trs": 0,
  "dvars_nstd": 17.40744713873134,
  "dvars_std": 1.1969650594029841,
  "dvars_vstd": 1.0116207545522382,
  "efc": 0.4225222007596537,
  "fber": 234609.046875,
  "fd_mean": 0.09960746554076758,
  "fd_num": 1,
  "fd_perc": 0.7407407407407407,
  "fwhm_avg": 1.8056137457069301,
  "fwhm_x": 1.7808533333333332,
  "fwhm_y": 1.9058666666666666,
  "fwhm_z": 1.7301212371207906,
  "gcor": 0.021643,
  "gsr_x": -0.0188733097165823,
  "gsr_y": 0.009103331714868546,
  "provenance": {
    "md5sum": "0008e7b5a27eda56e97139d2799a844e",
    "settings": {
      "fd_thres": 0.2,
      "testing": false
    },
    "software": "mriqc",
    "version": "22.0.0rc1",
    "webapi_port": null,
    "webapi_url": "https://mriqc.nimh.nih.gov/api/v1"
  },
  "size_t": 135,
  "size_x": 80,
  "size_y": 80,
  "size_z": 37,
  "snr": 5.453063068349836,
  "spacing_tr": 2.0,
  "spacing_x": 3.0,
  "spacing_y": 3.0,
  "spacing_z": 3.299999952316284,
  "summary_bg_k": 52.96839562714199,
  "summary_bg_mad": 52.30029993057186,
  "summary_bg_mean": 464.38720703125,
  "summary_bg_median": 49.69156265258789,
  "summary_bg_n": 159587.0,
  "summary_bg_p05": 1.0014051914215087,
  "summary_bg_p95": 2388.643627929687,
  "summary_bg_stdv": 1534.6943359375,
  "summary_fg_k": 2.6969209899665243,
  "summary_fg_mad": 4128.72865071772,
  "summary_fg_mean": 25227.66015625,
  "summary_fg_median": 24689.71875,
  "summary_fg_n": 36667.0,
  "summary_fg_p05": 19008.4666015625,
  "summary_fg_p95": 32662.51640625,
  "summary_fg_stdv": 4527.6171875,
  "tsnr": 101.50372314453125
}