{
  "bids_meta": {
    "AcquisitionNumber": 4,
    "BidsifyVersion": "0.3.5",
    "ConversionSoftware": "dcm2niix",
    "ConversionSoftwareVersion": "v1.0.20181125  GCC6.3.0",
    "EchoTime": 0.00375,
    "ImageComments": "PIOP",
    "ImageOrientationPatientDICOM": [
      0.999006,
      -0.00167479,
      0.0445535,
      0.0048821,
      0.997394,
      -0.0719769
    ],
    "Manufacturer": "Philips",
    "PatientPosition": "HFS",
    "PhilipsRescaleIntercept": 0,
    "PhilipsRescaleSlope": 9.27106,
    "PhilipsScaleSlope": 0.00737054,
    "ProtocolName": "WIPt13dSENSE",
    "ReconMatrixPE": 240,
    "RepetitionTime": 0.008193,
    "SeriesDescription": "ImageMRSERIES",
    "SeriesNumber": 4,
    "UsePhilipsFloatNotDisplayScaling": 1,
    "dataset": "ds002785",
    "modality": "T1w",
    "subject_id": "0032"
  },
  "cjv": 0.343853446140289,
  "cnr": 3.685485598570631,
  "efc": 0.777385262314112,
  "fber": 616.158447265625,
  "fwhm_avg": 3.5951234026771828,
  "fwhm_x": 3.49032,
  "fwhm_y": 3.80486,
  "fwhm_z": 3.4901902080315477,
  "icvs_csf": 0.20106719802565018,
  "icvs_gm": 0.4144671735183563,
  "icvs_wm": 0.3844656284559935,
  "inu_med": 0.8160369396209717,
  "inu_range": 0.27699013650417326,
  "provenance": {
    "md5sum": "ac89b5969afd84e8616f244f685a2148",
    "settings": {
      "testing": false
    },
    "software": "mriqc",
    "version": "22.0.0rc1",
    "warnings": {
      "large_rot_frame": true,
      "small_air_mask": true
    },
    "webapi_port": null,
    "webapi_url": "https://mriqc.nimh.nih.gov/api/v1"
  },
  "qi_1": 0.0,
  "qi_2": 6.85153432628567e-05,
  "rpve_csf": 26.3089163300538,
  "rpve_gm": 13.7105805301027,
  "rpve_wm": 19.13313643162474,
  "size_x": 240,
  "size_y": 240,
  "size_z": 220,
  "snr_csf": 2.120284651895769,
  "snr_gm": 7.110938571811268,
  "snr_total": 9.988232449824155,
  "snr_wm": 20.733474125765426,
  "snrd_csf": 19.076414130079446,
  "snrd_gm": 38.05582475295917,
  "snrd_total": 39.304252124799085,
  "snrd_wm": 60.78051749135864,
  "spacing_x": 1.0,
  "spacing_y": 1.0,
  "spacing_z": 0.9999999403953552,
  "summary_bg_k": 207.00716682522864,
  "summary_bg_mad": 10.77861141895471,
  "summary_bg_mean": 16.499797821044922,
  "summary_bg_median": 14.51948070526123,
  "summary_bg_n": 177049.0,
  "summary_bg_p05": 0.0,
  "summary_bg_p95": 36.79047393798828,
  "summary_bg_stdv": 14.586220741271973,
  "summary_csf_k": 16.410159247007353,
  "summary_csf_mad": 181.38824630602053,
  "summary_csf_mean": 292.4434814453125,
  "summary_csf_median": 313.8541259765625,
  "summary_csf_n": 6698.0,
  "summary_csf_p05": 75.72358131408691,
  "summary_csf_p95": 490.2607223510742,
  "summary_csf_stdv": 148.0134735107422,
  "summary_gm_k": 0.1410198399984175,
  "summary_gm_mad": 85.35993592005102,
  "summary_gm_mean": 629.5045166015625,
  "summary_gm_median": 626.1123046875,
  "summary_gm_n": 22897.0,
  "summary_gm_p05": 489.60850830078124,
  "summary_gm_p95": 781.880615234375,
  "summary_gm_stdv": 88.04725646972656,
  "summary_wm_k": 1.0872228263704535,
  "summary_wm_mad": 43.1990687673044,
  "summary_wm_mean": 997.0452270507812,
  "summary_wm_median": 999.9896240234375,
  "summary_wm_n": 232075.0,
  "summary_wm_p05": 912.0676391601562,
  "summary_wm_p95": 1069.5225219726562,
  "summary_wm_stdv": 48.2305793762207,
  "tpm_overlap_csf": 0.1716705858707428,
  "tpm_overlap_gm": 0.43637433648109436,
  "tpm_overlap_wm": 0.5105552673339844,
  "wm2max": 0.6204218565317291
}