{
  "bids_meta": {
    "AcquisitionNumber": 4,
    "BidsifyVersion": "0.3.5",
    "ConversionSoftware": "dcm2niix",
    "ConversionSoftwareVersion": "v1.0.20181125  GCC6.3.0",
    "EchoTime": 0.00374,
    "ImageComments": "piop",
    "ImageOrientationPatientDICOM": [
      0.999268,
      0.0294692,
      -0.0243984,
      -0.0300067,
      0.999308,
      -0.0219649
    ],
    "Manufacturer": "Philips",
    "PatientPosition": "HFS",
    "PhilipsRescaleIntercept": 0,
    "PhilipsRescaleSlope": 9.53529,
    "PhilipsScaleSlope": 0.00785335,
    "ProtocolName": "WIPt13dSENSE",
    "ReconMatrixPE": 240,
    "RepetitionTime": 0.00815,
    "SeriesDescription": "ImageMRSERIES",
    "SeriesNumber": 4,
    "UsePhilipsFloatNotDisplayScaling": 1,
    "dataset": "ds002785",
    "modality": "T1w",
    "subject_id": "0018"
  },
  "cjv": 0.3487524077165986,
  "cnr": 3.6708060290416897,
  "efc": 0.7628068687697395,
  "fber": 1588.4305419921875,
  "fwhm_avg": 3.5375300000000003,
  "fwhm_x": 3.48148,
  "fwhm_y": 3.70199,
  "fwhm_z": 3.42912,
  "icvs_csf": 0.20088609609868904,
  "icvs_gm": 0.4306734826097708,
  "icvs_wm": 0.36844042129154014,
  "inu_med": 1.5787252187728882,
  "inu_range": 0.316616278886795,
  "provenance": {
    "md5sum": "1b983d25e1d5693d1225834a735673d7",
    "settings": {
      "testing": false
    },
    "software": "mriqc",
    "version": "22.0.0rc1",
    "warnings": {
      "large_rot_frame": true,
      "small_air_mask": true
    },
    "webapi_port": null,
    "webapi_url": "https://mriqc.nimh.nih.gov/api/v1"
  },
  "qi_1": 0.0,
  "qi_2": 8.620637609324851e-05,
  "rpve_csf": 28.840585229762564,
  "rpve_gm": 14.67119544485122,
  "rpve_wm": 21.441374158549948,
  "size_x": 240,
  "size_y": 240,
  "size_z": 220,
  "snr_csf": 1.9819140076159274,
  "snr_gm": 7.246511383249612,
  "snr_total": 9.472716195101082,
  "snr_wm": 19.189723194437708,
  "snrd_csf": 17.6674666987996,
  "snrd_gm": 46.21903828226876,
  "snrd_total": 45.88343236326566,
  "snrd_wm": 73.76379210872864,
  "spacing_x": 1.0,
  "spacing_y": 1.0,
  "spacing_z": 1.0,
  "summary_bg_k": 12.569306685308007,
  "summary_bg_mad": 8.881436292110422,
  "summary_bg_mean": 14.99787425994873,
  "summary_bg_median": 11.851276397705078,
  "summary_bg_n": 186064.0,
  "summary_bg_p05": 0.0,
  "summary_bg_p95": 35.662698936462405,
  "summary_bg_stdv": 12.515174865722656,
  "summary_csf_k": 3.191488674331051,
  "summary_csf_mad": 149.4255631206966,
  "summary_csf_mean": 250.59523010253906,
  "summary_csf_median": 239.51116943359375,
  "summary_csf_n": 7829.0,
  "summary_csf_p05": 79.60452270507812,
  "summary_csf_p95": 432.4030517578125,
  "summary_csf_stdv": 120.8406982421875,
  "summary_gm_k": 0.19878548438609522,
  "summary_gm_mad": 82.99744584316899,
  "summary_gm_mean": 632.890380859375,
  "summary_gm_median": 626.5740356445312,
  "summary_gm_n": 18852.0,
  "summary_gm_p05": 500.1213653564453,
  "summary_gm_p95": 785.8321868896485,
  "summary_gm_stdv": 86.46331787109375,
  "summary_wm_k": 0.9157847540129116,
  "summary_wm_mad": 47.23152238431164,
  "summary_wm_mean": 997.766845703125,
  "summary_wm_median": 999.9878540039062,
  "summary_wm_n": 199275.0,
  "summary_wm_p05": 908.7513427734375,
  "summary_wm_p95": 1078.598486328125,
  "summary_wm_stdv": 52.1104621887207,
  "tpm_overlap_csf": 0.17027436196804047,
  "tpm_overlap_gm": 0.4373399615287781,
  "tpm_overlap_wm": 0.4995804727077484,
  "wm2max": 0.7307123925150116
}