{
  "aor": 0.0099325,
  "aqi": 0.0162271807,
  "bids_meta": {
    "AcquisitionNumber": 9,
    "BidsifyVersion": "0.3.5",
    "ConversionSoftware": "dcm2niix",
    "ConversionSoftwareVersion": "v1.0.20181125  GCC6.3.0",
    "EchoTime": 0.02762,
    "EffectiveEchoSpacing": 0.0006621159151938905,
    "ImageComments": "Piop",
    "ImageOrientationPatientDICOM": [
      0.995673,
      0.0919511,
      -0.0134427,
      -0.0928916,
      0.988885,
      -0.116097
    ],
    "Manufacturer": "Philips",
    "NumberOfVolumesDiscardedByScanner": 2,
    "ParallelAcquisitionTechnique": "SENSE",
    "ParallelReductionFactorInPlane": 2,
    "PatientPosition": "HFS",
    "PhaseEncodingDirection": "j",
    "PhilipsRescaleIntercept": 0,
    "PhilipsRescaleSlope": 0.75092,
    "PhilipsScaleSlope": 0.0533593,
    "ProtocolName": "WIPpiopanticipatieSENSE",
    "PulseSequenceType": "gradient echo EPI",
    "ReconMatrixPE": 80,
    "RepetitionTime": 2,
    "SeriesDescription": "ImageMRSERIES",
    "SeriesNumber": 9,
    "SliceEncodingDirection": "k",
    "SliceTiming": [
      0.0,
      0.0541,
      0.1081,
      0.1622,
      0.2162,
      0.2703,
      0.3243,
      0.3784,
      0.4324,
      0.4865,
      0.5405,
      0.5946,
      0.6486,
      0.7027,
      0.7568,
      0.8108,
      0.8649,
      0.9189,
      0.973,
      1.027,
      1.0811,
      1.1351,
      1.1892,
      1.2432,
      1.2973,
      1.3514,
      1.4054,
      1.4595,
      1.5135,
      1.5676,
      1.6216,
      1.6757,
      1.7297,
      1.7838,
      1.8378,
      1.8919,
      1.9459
    ],
    "TaskName": "anticipation",
    "TotalReadoutTime": 0.025822520692561732,
    "UsePhilipsFloatNotDisplayScaling": 1,
    "acq_id": "seq",
    "dataset": "ds002785",
    "modality": "bold",
    "subject_id": "0176",
    "task_id": "anticipation"
  },
  "dummy_trs": 0,
  "dvars_nstd": 34.43282778175881,
  "dvars_std": 1.1544408171859293,
  "dvars_vstd": 0.9820659257788936,
  "efc": 0.43754134391612043,
  "fber": 136605.15625,
  "fd_mean": 0.3822753340724317,
  "fd_num": 83,
  "fd_perc": 41.5,
  "fwhm_avg": 1.8137551596859833,
  "fwhm_x": 1.8116733333333332,
  "fwhm_y": 1.9331800000000001,
  "fwhm_z": 1.6964121457246166,
  "gcor": 0.0321002,
  "gsr_x": -0.01575450599193573,
  "gsr_y": 0.016700947657227516,
  "provenance": {
    "md5sum": "7161b9c48004cc8f86d1cffaebc67861",
    "settings": {
      "fd_thres": 0.2,
      "testing": false
    },
    "software": "mriqc",
    "version": "22.0.0rc1",
    "webapi_port": null,
    "webapi_url": "https://mriqc.nimh.nih.gov/api/v1"
  },
  "size_t": 200,
  "size_x": 80,
  "size_y": 80,
  "size_z": 37,
  "snr": 5.336103369919091,
  "spacing_tr": 2.0,
  "spacing_x": 3.0,
  "spacing_y": 3.0,
  "spacing_z": 3.299999952316284,
  "summary_bg_k": 40.1956591741129,
  "summary_bg_mad": 80.33027304718857,
  "summary_bg_mean": 804.49072265625,
  "summary_bg_median": 68.08668518066406,
  "summary_bg_n": 159861.0,
  "summary_bg_p05": 4.3545122146606445,
  "summary_bg_p95": 4379.935546875,
  "summary_bg_stdv": 2174.1826171875,
  "summary_fg_k": 2.830065301369614,
  "summary_fg_mad": 4287.590057572086,
  "summary_fg_mean": 26544.568359375,
  "summary_fg_median": 25856.984375,
  "summary_fg_n": 35521.0,
  "summary_fg_p05": 20077.9140625,
  "summary_fg_p95": 34648.46484375,
  "summary_fg_stdv": 4845.599609375,
  "tsnr": 42.43165588378906
}