{
  "aor": 0.004655428571428571,
  "aqi": 0.008411305836734693,
  "bids_meta": {
    "AcquisitionNumber": 3,
    "BidsifyVersion": "0.3.5",
    "ConversionSoftware": "dcm2niix",
    "ConversionSoftwareVersion": "v1.0.20181125  GCC6.3.0",
    "EchoTime": 0.02762,
    "EffectiveEchoSpacing": 0.0006621159151938905,
    "ImageComments": "Piop",
    "ImageOrientationPatientDICOM": [
      0.995673,
      0.0919511,
      -0.0134427,
      -0.0928916,
      0.988885,
      -0.116097
    ],
    "Manufacturer": "Philips",
    "NumberOfVolumesDiscardedByScanner": 2,
    "ParallelAcquisitionTechnique": "SENSE",
    "ParallelReductionFactorInPlane": 2,
    "PatientPosition": "HFS",
    "PhaseEncodingDirection": "j",
    "PhilipsRescaleIntercept": 0,
    "PhilipsRescaleSlope": 0.76459,
    "PhilipsScaleSlope": 0.0502023,
    "ProtocolName": "WIPpiopgstroopSENSE",
    "PulseSequenceType": "gradient echo EPI",
    "ReconMatrixPE": 80,
    "RepetitionTime": 2,
    "SeriesDescription": "ImageMRSERIES",
    "SeriesNumber": 3,
    "SliceEncodingDirection": "k",
    "SliceTiming": [
      0.0,
      0.0541,
      0.1081,
      0.1622,
      0.2162,
      0.2703,
      0.3243,
      0.3784,
      0.4324,
      0.4865,
      0.5405,
      0.5946,
      0.6486,
      0.7027,
      0.7568,
      0.8108,
      0.8649,
      0.9189,
      0.973,
      1.027,
      1.0811,
      1.1351,
      1.1892,
      1.2432,
      1.2973,
      1.3514,
      1.4054,
      1.4595,
      1.5135,
      1.5676,
      1.6216,
      1.6757,
      1.7297,
      1.7838,
      1.8378,
      1.8919,
      1.9459
    ],
    "TaskName": "gstroop",
    "TotalReadoutTime": 0.025822520692561732,
    "UsePhilipsFloatNotDisplayScaling": 1,
    "acq_id": "seq",
    "dataset": "ds002785",
    "modality": "bold",
    "subject_id": "0176",
    "task_id": "gstroop"
  },
  "dummy_trs": 0,
  "dvars_nstd": 27.45495522635247,
  "dvars_std": 1.263743253934426,
  "dvars_vstd": 0.9890772013524589,
  "efc": 0.43647435995948314,
  "fber": 152030.875,
  "fd_mean": 0.20360627956394498,
  "fd_num": 52,
  "fd_perc": 21.224489795918366,
  "fwhm_avg": 1.822145866898676,
  "fwhm_x": 1.8088666666666666,
  "fwhm_y": 1.93168,
  "fwhm_z": 1.7258909340293613,
  "gcor": 0.0320063,
  "gsr_x": -0.01573236845433712,
  "gsr_y": 0.017456211149692535,
  "provenance": {
    "md5sum": "c9cdbc08e98af0f96877a74021b5126e",
    "settings": {
      "fd_thres": 0.2,
      "testing": false
    },
    "software": "mriqc",
    "version": "22.0.0rc1",
    "webapi_port": null,
    "webapi_url": "https://mriqc.nimh.nih.gov/api/v1"
  },
  "size_t": 245,
  "size_x": 80,
  "size_y": 80,
  "size_z": 37,
  "snr": 5.253561229640515,
  "spacing_tr": 2.0,
  "spacing_x": 3.0,
  "spacing_y": 3.0,
  "spacing_z": 3.299999952316284,
  "summary_bg_k": 44.87973138074741,
  "summary_bg_mad": 75.51883877598284,
  "summary_bg_mean": 803.1394653320312,
  "summary_bg_median": 66.83548736572266,
  "summary_bg_n": 159481.0,
  "summary_bg_p05": 3.9675099849700928,
  "summary_bg_p95": 4332.609375,
  "summary_bg_stdv": 2241.730712890625,
  "summary_fg_k": 2.8932527516928044,
  "summary_fg_mad": 4524.7470505300935,
  "summary_fg_mean": 27533.171875,
  "summary_fg_median": 26780.77734375,
  "summary_fg_n": 35760.0,
  "summary_fg_p05": 20828.60947265625,
  "summary_fg_p95": 36022.11582031249,
  "summary_fg_stdv": 5097.5712890625,
  "tsnr": 59.17314910888672
}