{
  "aor": 0.0015211212121212122,
  "aqi": 0.011728772939393938,
  "bids_meta": {
    "AcquisitionNumber": 2,
    "BidsifyVersion": "0.3.5",
    "ConversionSoftware": "dcm2niix",
    "ConversionSoftwareVersion": "v1.0.20181125  GCC6.3.0",
    "EchoTime": 0.02762,
    "EffectiveEchoSpacing": 0.0006333282667071997,
    "ImageComments": "Piop",
    "ImageOrientationPatientDICOM": [
      0.995917,
      0.0822011,
      0.0373241,
      -0.077331,
      0.9901,
      -0.117138
    ],
    "Manufacturer": "Philips",
    "NumberOfVolumesDiscardedByScanner": 2,
    "ParallelAcquisitionTechnique": "SENSE",
    "ParallelReductionFactorInPlane": 2,
    "PatientPosition": "HFS",
    "PhaseEncodingDirection": "j",
    "PhilipsRescaleIntercept": 0,
    "PhilipsRescaleSlope": 0.77411,
    "PhilipsScaleSlope": 0.0895242,
    "ProtocolName": "WIPpiopfacesSENSE",
    "PulseSequenceType": "gradient echo EPI",
    "ReconMatrixPE": 80,
    "RepetitionTime": 0.75,
    "SeriesDescription": "ImageMRSERIES",
    "SeriesNumber": 2,
    "SliceEncodingDirection": "k",
    "SliceTiming": [
      0.0,
      0.06755050505050506,
      0.1351010101010101,
      0.20265151515151517,
      0.2702020202020202,
      0.3377525252525253,
      0.40530303030303033,
      0.47285353535353536,
      0.5404040404040404,
      0.6079545454545455,
      0.6755050505050506,
      0.7430555555555556,
      0.0,
      0.06755050505050506,
      0.1351010101010101,
      0.20265151515151517,
      0.2702020202020202,
      0.3377525252525253,
      0.40530303030303033,
      0.47285353535353536,
      0.5404040404040404,
      0.6079545454545455,
      0.6755050505050506,
      0.7430555555555556,
      0.0,
      0.06755050505050506,
      0.1351010101010101,
      0.20265151515151517,
      0.2702020202020202,
      0.3377525252525253,
      0.40530303030303033,
      0.47285353535353536,
      0.5404040404040404,
      0.6079545454545455,
      0.6755050505050506,
      0.7430555555555556
    ],
    "TaskName": "faces",
    "TotalReadoutTime": 0.024699802401580786,
    "UsePhilipsFloatNotDisplayScaling": 1,
    "acq_id": "mb3",
    "dataset": "ds002785",
    "modality": "bold",
    "subject_id": "0176",
    "task_id": "faces"
  },
  "dummy_trs": 0,
  "dvars_nstd": 22.28142467592705,
  "dvars_std": 1.0638112421276602,
  "dvars_vstd": 0.9877957339513675,
  "efc": 0.44368208699220024,
  "fber": 144129.84375,
  "fd_mean": 0.12614585731277483,
  "fd_num": 20,
  "fd_perc": 6.0606060606060606,
  "fwhm_avg": 2.017226517297173,
  "fwhm_x": 2.04556,
  "fwhm_y": 2.1842466666666667,
  "fwhm_z": 1.8218728852248525,
  "gcor": 0.0217012,
  "gsr_x": -0.01783742569386959,
  "gsr_y": 0.015272152610123158,
  "provenance": {
    "md5sum": "831a5bbdbf85b2d2dbd401ff344ea20c",
    "settings": {
      "fd_thres": 0.2,
      "testing": false
    },
    "software": "mriqc",
    "version": "22.0.0rc1",
    "webapi_port": null,
    "webapi_url": "https://mriqc.nimh.nih.gov/api/v1"
  },
  "size_t": 330,
  "size_x": 80,
  "size_y": 80,
  "size_z": 36,
  "snr": 7.115253091856406,
  "spacing_tr": 0.75,
  "spacing_x": 3.0,
  "spacing_y": 3.0,
  "spacing_z": 3.299999713897705,
  "summary_bg_k": 32.982764587823105,
  "summary_bg_mad": 59.091901817262716,
  "summary_bg_mean": 573.4813842773438,
  "summary_bg_median": 49.637657165527344,
  "summary_bg_n": 154975.0,
  "summary_bg_p05": 2.8661114692688,
  "summary_bg_p95": 2987.421679687496,
  "summary_bg_stdv": 1472.47021484375,
  "summary_fg_k": 0.9030439037141895,
  "summary_fg_mad": 2493.841176994911,
  "summary_fg_mean": 19086.5703125,
  "summary_fg_median": 18979.626953125,
  "summary_fg_n": 34761.0,
  "summary_fg_p05": 14919.8681640625,
  "summary_fg_p95": 23504.857421875,
  "summary_fg_stdv": 2667.41796875,
  "tsnr": 51.81886291503906
}