{
  "aor": 0.0057508641975308646,
  "aqi": 0.01690923450617284,
  "bids_meta": {
    "AcquisitionNumber": 8,
    "BidsifyVersion": "0.3.5",
    "ConversionSoftware": "dcm2niix",
    "ConversionSoftwareVersion": "v1.0.20181125  GCC6.3.0",
    "EchoTime": 0.02762,
    "EffectiveEchoSpacing": 0.0006621159151938905,
    "ImageComments": "Piop",
    "ImageOrientationPatientDICOM": [
      0.995673,
      0.0919511,
      -0.0134427,
      -0.0928916,
      0.988885,
      -0.116097
    ],
    "Manufacturer": "Philips",
    "NumberOfVolumesDiscardedByScanner": 2,
    "ParallelAcquisitionTechnique": "SENSE",
    "ParallelReductionFactorInPlane": 2,
    "PatientPosition": "HFS",
    "PhaseEncodingDirection": "j",
    "PhilipsRescaleIntercept": 0,
    "PhilipsRescaleSlope": 0.77411,
    "PhilipsScaleSlope": 0.0532019,
    "ProtocolName": "WIPpiopwmSENSE",
    "PulseSequenceType": "gradient echo EPI",
    "ReconMatrixPE": 80,
    "RepetitionTime": 2,
    "SeriesDescription": "ImageMRSERIES",
    "SeriesNumber": 8,
    "SliceEncodingDirection": "k",
    "SliceTiming": [
      0.0,
      0.0541,
      0.1081,
      0.1622,
      0.2162,
      0.2703,
      0.3243,
      0.3784,
      0.4324,
      0.4865,
      0.5405,
      0.5946,
      0.6486,
      0.7027,
      0.7568,
      0.8108,
      0.8649,
      0.9189,
      0.973,
      1.027,
      1.0811,
      1.1351,
      1.1892,
      1.2432,
      1.2973,
      1.3514,
      1.4054,
      1.4595,
      1.5135,
      1.5676,
      1.6216,
      1.6757,
      1.7297,
      1.7838,
      1.8378,
      1.8919,
      1.9459
    ],
    "TaskName": "workingmemory",
    "TotalReadoutTime": 0.025822520692561732,
    "UsePhilipsFloatNotDisplayScaling": 1,
    "acq_id": "seq",
    "dataset": "ds002785",
    "modality": "bold",
    "subject_id": "0176",
    "task_id": "workingmemory"
  },
  "dummy_trs": 0,
  "dvars_nstd": 33.51958080546584,
  "dvars_std": 1.0869238422360243,
  "dvars_vstd": 0.9408128690062106,
  "efc": 0.4391759967442842,
  "fber": 135178.71875,
  "fd_mean": 0.409952710639174,
  "fd_num": 87,
  "fd_perc": 53.7037037037037,
  "fwhm_avg": 1.871911725697703,
  "fwhm_x": 1.8527266666666666,
  "fwhm_y": 1.99286,
  "fwhm_z": 1.770148510426442,
  "gcor": 0.0182561,
  "gsr_x": -0.014493214897811413,
  "gsr_y": 0.017880955711007118,
  "provenance": {
    "md5sum": "38e364e92029801e66b553e35f56ab62",
    "settings": {
      "fd_thres": 0.2,
      "testing": false
    },
    "software": "mriqc",
    "version": "22.0.0rc1",
    "webapi_port": null,
    "webapi_url": "https://mriqc.nimh.nih.gov/api/v1"
  },
  "size_t": 162,
  "size_x": 80,
  "size_y": 80,
  "size_z": 37,
  "snr": 5.224641600272345,
  "spacing_tr": 2.0,
  "spacing_x": 3.0,
  "spacing_y": 3.0,
  "spacing_z": 3.299999952316284,
  "summary_bg_k": 43.26268983490518,
  "summary_bg_mad": 81.05638441756368,
  "summary_bg_mean": 792.5283203125,
  "summary_bg_median": 69.53520965576172,
  "summary_bg_n": 158935.0,
  "summary_bg_p05": 4.618741416931153,
  "summary_bg_p95": 4305.264160156239,
  "summary_bg_stdv": 2148.724365234375,
  "summary_fg_k": 2.819325323999271,
  "summary_fg_mad": 4427.739402832736,
  "summary_fg_mean": 27041.814453125,
  "summary_fg_median": 26285.96484375,
  "summary_fg_n": 35820.0,
  "summary_fg_p05": 20300.10693359375,
  "summary_fg_p95": 35370.719335937494,
  "summary_fg_stdv": 5031.08154296875,
  "tsnr": 42.12654113769531
}