{
  "aor": 0.007909703703703704,
  "aqi": 0.009552925777777777,
  "bids_meta": {
    "AcquisitionNumber": 5,
    "BidsifyVersion": "0.3.5",
    "ConversionSoftware": "dcm2niix",
    "ConversionSoftwareVersion": "v1.0.20181125  GCC6.3.0",
    "EchoTime": 0.02762,
    "EffectiveEchoSpacing": 0.0006621159151938905,
    "ImageComments": "Piop",
    "ImageOrientationPatientDICOM": [
      0.995673,
      0.0919511,
      -0.0134427,
      -0.0928916,
      0.988885,
      -0.116097
    ],
    "Manufacturer": "Philips",
    "NumberOfVolumesDiscardedByScanner": 2,
    "ParallelAcquisitionTechnique": "SENSE",
    "ParallelReductionFactorInPlane": 2,
    "PatientPosition": "HFS",
    "PhaseEncodingDirection": "j",
    "PhilipsRescaleIntercept": 0,
    "PhilipsRescaleSlope": 0.77656,
    "PhilipsScaleSlope": 0.0511612,
    "ProtocolName": "WIPpiopharririSENSE",
    "PulseSequenceType": "gradient echo EPI",
    "ReconMatrixPE": 80,
    "RepetitionTime": 2,
    "SeriesDescription": "ImageMRSERIES",
    "SeriesNumber": 5,
    "SliceEncodingDirection": "k",
    "SliceTiming": [
      0.0,
      0.0541,
      0.1081,
      0.1622,
      0.2162,
      0.2703,
      0.3243,
      0.3784,
      0.4324,
      0.4865,
      0.5405,
      0.5946,
      0.6486,
      0.7027,
      0.7568,
      0.8108,
      0.8649,
      0.9189,
      0.973,
      1.027,
      1.0811,
      1.1351,
      1.1892,
      1.2432,
      1.2973,
      1.3514,
      1.4054,
      1.4595,
      1.5135,
      1.5676,
      1.6216,
      1.6757,
      1.7297,
      1.7838,
      1.8378,
      1.8919,
      1.9459
    ],
    "TaskName": "emomatching",
    "TotalReadoutTime": 0.025822520692561732,
    "UsePhilipsFloatNotDisplayScaling": 1,
    "acq_id": "seq",
    "dataset": "ds002785",
    "modality": "bold",
    "subject_id": "0176",
    "task_id": "emomatching"
  },
  "dummy_trs": 0,
  "dvars_nstd": 29.17148296895522,
  "dvars_std": 1.2423896163432844,
  "dvars_vstd": 0.9997754123880594,
  "efc": 0.4377015252981659,
  "fber": 151793.546875,
  "fd_mean": 0.27812493464767896,
  "fd_num": 38,
  "fd_perc": 28.14814814814815,
  "fwhm_avg": 1.8449747558922442,
  "fwhm_x": 1.8307566666666668,
  "fwhm_y": 1.9565433333333333,
  "fwhm_z": 1.7476242676767328,
  "gcor": 0.0423839,
  "gsr_x": -0.015874914824962616,
  "gsr_y": 0.01717749796807766,
  "provenance": {
    "md5sum": "c0e93ab2a42507ea2e707f22f35e8a75",
    "settings": {
      "fd_thres": 0.2,
      "testing": false
    },
    "software": "mriqc",
    "version": "22.0.0rc1",
    "webapi_port": null,
    "webapi_url": "https://mriqc.nimh.nih.gov/api/v1"
  },
  "size_t": 135,
  "size_x": 80,
  "size_y": 80,
  "size_z": 37,
  "snr": 5.260963696126095,
  "spacing_tr": 2.0,
  "spacing_x": 3.0,
  "spacing_y": 3.0,
  "spacing_z": 3.299999952316284,
  "summary_bg_k": 39.84513974245482,
  "summary_bg_mad": 75.06876694028986,
  "summary_bg_mean": 819.9608154296875,
  "summary_bg_median": 66.92819213867188,
  "summary_bg_n": 159418.0,
  "summary_bg_p05": 4.27698278427124,
  "summary_bg_p95": 4458.86845703125,
  "summary_bg_stdv": 2263.281494140625,
  "summary_fg_k": 2.5490096868524343,
  "summary_fg_mad": 4544.294523725449,
  "summary_fg_mean": 27546.619140625,
  "summary_fg_median": 26816.47265625,
  "summary_fg_n": 35773.0,
  "summary_fg_p05": 20648.41484375,
  "summary_fg_p95": 36016.4421875,
  "summary_fg_stdv": 5097.18359375,
  "tsnr": 55.25742721557617
}