{
  "aor": 0.001574814814814815,
  "aqi": 0.004289765925925926,
  "bids_meta": {
    "AcquisitionNumber": 5,
    "BidsifyVersion": "0.3.5",
    "ConversionSoftware": "dcm2niix",
    "ConversionSoftwareVersion": "v1.0.20181125  GCC6.3.0",
    "EchoTime": 0.02762,
    "EffectiveEchoSpacing": 0.0006621159151938905,
    "ImageComments": "Piop",
    "ImageOrientationPatientDICOM": [
      0.999794,
      0.00507941,
      -0.019672,
      -0.00488595,
      0.999939,
      0.00986994
    ],
    "Manufacturer": "Philips",
    "NumberOfVolumesDiscardedByScanner": 2,
    "ParallelAcquisitionTechnique": "SENSE",
    "ParallelReductionFactorInPlane": 2,
    "PatientPosition": "HFS",
    "PhaseEncodingDirection": "j",
    "PhilipsRescaleIntercept": 0,
    "PhilipsRescaleSlope": 0.84005,
    "PhilipsScaleSlope": 0.0564503,
    "ProtocolName": "WIPpiopharririSENSE",
    "PulseSequenceType": "gradient echo EPI",
    "ReconMatrixPE": 80,
    "RepetitionTime": 2,
    "SeriesDescription": "ImageMRSERIES",
    "SeriesNumber": 5,
    "SliceEncodingDirection": "k",
    "SliceTiming": [
      0.0,
      0.0541,
      0.1081,
      0.1622,
      0.2162,
      0.2703,
      0.3243,
      0.3784,
      0.4324,
      0.4865,
      0.5405,
      0.5946,
      0.6486,
      0.7027,
      0.7568,
      0.8108,
      0.8649,
      0.9189,
      0.973,
      1.027,
      1.0811,
      1.1351,
      1.1892,
      1.2432,
      1.2973,
      1.3514,
      1.4054,
      1.4595,
      1.5135,
      1.5676,
      1.6216,
      1.6757,
      1.7297,
      1.7838,
      1.8378,
      1.8919,
      1.9459
    ],
    "TaskName": "emomatching",
    "TotalReadoutTime": 0.025822520692561732,
    "UsePhilipsFloatNotDisplayScaling": 1,
    "acq_id": "seq",
    "dataset": "ds002785",
    "modality": "bold",
    "subject_id": "0094",
    "task_id": "emomatching"
  },
  "dummy_trs": 0,
  "dvars_nstd": 21.62894180619402,
  "dvars_std": 1.342977367238806,
  "dvars_vstd": 0.9974532938059706,
  "efc": 0.40128756590959086,
  "fber": 189545.015625,
  "fd_mean": 0.07836691947686125,
  "fd_num": 3,
  "fd_perc": 2.2222222222222223,
  "fwhm_avg": 1.9010329379757591,
  "fwhm_x": 1.8533533333333334,
  "fwhm_y": 2.0470333333333333,
  "fwhm_z": 1.8027121472606102,
  "gcor": 0.0504336,
  "gsr_x": -0.020249173045158386,
  "gsr_y": 0.014256076887249947,
  "provenance": {
    "md5sum": "cbf58ff7abd293ab72cf774e3d484499",
    "settings": {
      "fd_thres": 0.2,
      "testing": false
    },
    "software": "mriqc",
    "version": "22.0.0rc1",
    "webapi_port": null,
    "webapi_url": "https://mriqc.nimh.nih.gov/api/v1"
  },
  "size_t": 135,
  "size_x": 80,
  "size_y": 80,
  "size_z": 37,
  "snr": 5.718066513824905,
  "spacing_tr": 2.0,
  "spacing_x": 3.0,
  "spacing_y": 3.0,
  "spacing_z": 3.299999952316284,
  "summary_bg_k": 108.71472600600123,
  "summary_bg_mad": 69.33630116260183,
  "summary_bg_mean": 608.9443359375,
  "summary_bg_median": 64.80615997314453,
  "summary_bg_n": 165119.0,
  "summary_bg_p05": 3.2332953453063964,
  "summary_bg_p95": 3297.9867187500004,
  "summary_bg_stdv": 1955.5406494140625,
  "summary_fg_k": 1.0247313993295908,
  "summary_fg_mad": 4819.08123510041,
  "summary_fg_mean": 29383.21875,
  "summary_fg_median": 29051.59375,
  "summary_fg_n": 31398.0,
  "summary_fg_p05": 21664.3056640625,
  "summary_fg_p95": 37856.87578124998,
  "summary_fg_stdv": 5080.58642578125,
  "tsnr": 86.5687255859375
}