{
  "aor": 0.0033300816326530614,
  "aqi": 0.004680929510204081,
  "bids_meta": {
    "AcquisitionNumber": 3,
    "BidsifyVersion": "0.3.5",
    "ConversionSoftware": "dcm2niix",
    "ConversionSoftwareVersion": "v1.0.20181125  GCC6.3.0",
    "EchoTime": 0.02762,
    "EffectiveEchoSpacing": 0.0006621159151938905,
    "ImageComments": "Piop",
    "ImageOrientationPatientDICOM": [
      0.999794,
      0.00507941,
      -0.019672,
      -0.00488595,
      0.999939,
      0.00986994
    ],
    "Manufacturer": "Philips",
    "NumberOfVolumesDiscardedByScanner": 2,
    "ParallelAcquisitionTechnique": "SENSE",
    "ParallelReductionFactorInPlane": 2,
    "PatientPosition": "HFS",
    "PhaseEncodingDirection": "j",
    "PhilipsRescaleIntercept": 0,
    "PhilipsRescaleSlope": 0.87643,
    "PhilipsScaleSlope": 0.0555341,
    "ProtocolName": "WIPpiopgstroopSENSE",
    "PulseSequenceType": "gradient echo EPI",
    "ReconMatrixPE": 80,
    "RepetitionTime": 2,
    "SeriesDescription": "ImageMRSERIES",
    "SeriesNumber": 3,
    "SliceEncodingDirection": "k",
    "SliceTiming": [
      0.0,
      0.0541,
      0.1081,
      0.1622,
      0.2162,
      0.2703,
      0.3243,
      0.3784,
      0.4324,
      0.4865,
      0.5405,
      0.5946,
      0.6486,
      0.7027,
      0.7568,
      0.8108,
      0.8649,
      0.9189,
      0.973,
      1.027,
      1.0811,
      1.1351,
      1.1892,
      1.2432,
      1.2973,
      1.3514,
      1.4054,
      1.4595,
      1.5135,
      1.5676,
      1.6216,
      1.6757,
      1.7297,
      1.7838,
      1.8378,
      1.8919,
      1.9459
    ],
    "TaskName": "gstroop",
    "TotalReadoutTime": 0.025822520692561732,
    "UsePhilipsFloatNotDisplayScaling": 1,
    "acq_id": "seq",
    "dataset": "ds002785",
    "modality": "bold",
    "subject_id": "0094",
    "task_id": "gstroop"
  },
  "dummy_trs": 0,
  "dvars_nstd": 20.994631008975407,
  "dvars_std": 1.2775675311885242,
  "dvars_vstd": 1.0074651189344253,
  "efc": 0.40025329933470777,
  "fber": 199586.140625,
  "fd_mean": 0.09426832241163398,
  "fd_num": 7,
  "fd_perc": 2.857142857142857,
  "fwhm_avg": 1.833188897252966,
  "fwhm_x": 1.7749333333333333,
  "fwhm_y": 1.9881,
  "fwhm_z": 1.7365333584255644,
  "gcor": 0.0380499,
  "gsr_x": -0.019866229966282845,
  "gsr_y": 0.01422422006726265,
  "provenance": {
    "md5sum": "066906c4c9b4d8a422f8404e4d264454",
    "settings": {
      "fd_thres": 0.2,
      "testing": false
    },
    "software": "mriqc",
    "version": "22.0.0rc1",
    "webapi_port": null,
    "webapi_url": "https://mriqc.nimh.nih.gov/api/v1"
  },
  "size_t": 245,
  "size_x": 80,
  "size_y": 80,
  "size_z": 37,
  "snr": 5.996591359664512,
  "spacing_tr": 2.0,
  "spacing_x": 3.0,
  "spacing_y": 3.0,
  "spacing_z": 3.299999952316284,
  "summary_bg_k": 125.1553774577873,
  "summary_bg_mad": 65.0292841430346,
  "summary_bg_mean": 590.2518920898438,
  "summary_bg_median": 62.63001251220703,
  "summary_bg_n": 165193.0,
  "summary_bg_p05": 2.9195668697357178,
  "summary_bg_p95": 3175.6797851562496,
  "summary_bg_stdv": 1954.4754638671875,
  "summary_fg_k": 1.1502145489231266,
  "summary_fg_mad": 4554.814628920431,
  "summary_fg_mean": 29154.509765625,
  "summary_fg_median": 28809.623046875,
  "summary_fg_n": 31251.0,
  "summary_fg_p05": 21853.8740234375,
  "summary_fg_p95": 37075.35546875,
  "summary_fg_stdv": 4804.25634765625,
  "tsnr": 84.68161010742188
}