{
  "aor": 0.0025213580246913575,
  "aqi": 0.0037366237654320985,
  "bids_meta": {
    "AcquisitionNumber": 8,
    "BidsifyVersion": "0.3.5",
    "ConversionSoftware": "dcm2niix",
    "ConversionSoftwareVersion": "v1.0.20181125  GCC6.3.0",
    "EchoTime": 0.02762,
    "EffectiveEchoSpacing": 0.0006621159151938905,
    "ImageComments": "Piop",
    "ImageOrientationPatientDICOM": [
      0.999794,
      0.00507941,
      -0.019672,
      -0.00488595,
      0.999939,
      0.00986994
    ],
    "Manufacturer": "Philips",
    "NumberOfVolumesDiscardedByScanner": 2,
    "ParallelAcquisitionTechnique": "SENSE",
    "ParallelReductionFactorInPlane": 2,
    "PatientPosition": "HFS",
    "PhaseEncodingDirection": "j",
    "PhilipsRescaleIntercept": 0,
    "PhilipsRescaleSlope": 0.83443,
    "PhilipsScaleSlope": 0.0564394,
    "ProtocolName": "WIPpiopwmSENSE",
    "PulseSequenceType": "gradient echo EPI",
    "ReconMatrixPE": 80,
    "RepetitionTime": 2,
    "SeriesDescription": "ImageMRSERIES",
    "SeriesNumber": 8,
    "SliceEncodingDirection": "k",
    "SliceTiming": [
      0.0,
      0.0541,
      0.1081,
      0.1622,
      0.2162,
      0.2703,
      0.3243,
      0.3784,
      0.4324,
      0.4865,
      0.5405,
      0.5946,
      0.6486,
      0.7027,
      0.7568,
      0.8108,
      0.8649,
      0.9189,
      0.973,
      1.027,
      1.0811,
      1.1351,
      1.1892,
      1.2432,
      1.2973,
      1.3514,
      1.4054,
      1.4595,
      1.5135,
      1.5676,
      1.6216,
      1.6757,
      1.7297,
      1.7838,
      1.8378,
      1.8919,
      1.9459
    ],
    "TaskName": "workingmemory",
    "TotalReadoutTime": 0.025822520692561732,
    "UsePhilipsFloatNotDisplayScaling": 1,
    "acq_id": "seq",
    "dataset": "ds002785",
    "modality": "bold",
    "subject_id": "0094",
    "task_id": "workingmemory"
  },
  "dummy_trs": 0,
  "dvars_nstd": 21.308563415838517,
  "dvars_std": 1.3460737757763979,
  "dvars_vstd": 1.0225405827950316,
  "efc": 0.40242509291982453,
  "fber": 193717.171875,
  "fd_mean": 0.08019691432278028,
  "fd_num": 5,
  "fd_perc": 3.0864197530864197,
  "fwhm_avg": 1.9438570796339818,
  "fwhm_x": 1.89855,
  "fwhm_y": 2.0796333333333332,
  "fwhm_z": 1.8533879055686129,
  "gcor": 0.036704,
  "gsr_x": -0.020654790103435516,
  "gsr_y": 0.013825654983520508,
  "provenance": {
    "md5sum": "6068b405fad66db5f3a4bcb5184073d1",
    "settings": {
      "fd_thres": 0.2,
      "testing": false
    },
    "software": "mriqc",
    "version": "22.0.0rc1",
    "webapi_port": null,
    "webapi_url": "https://mriqc.nimh.nih.gov/api/v1"
  },
  "size_t": 162,
  "size_x": 80,
  "size_y": 80,
  "size_z": 37,
  "snr": 5.478392293940233,
  "spacing_tr": 2.0,
  "spacing_x": 3.0,
  "spacing_y": 3.0,
  "spacing_z": 3.299999952316284,
  "summary_bg_k": 98.85688134997059,
  "summary_bg_mad": 67.9928851951545,
  "summary_bg_mean": 627.0413208007812,
  "summary_bg_median": 64.21454620361328,
  "summary_bg_n": 165039.0,
  "summary_bg_p05": 2.9971231698989866,
  "summary_bg_p95": 3427.6046386718863,
  "summary_bg_stdv": 1991.5970458984375,
  "summary_fg_k": 1.1136059702917063,
  "summary_fg_mad": 5042.495200462659,
  "summary_fg_mean": 29427.30078125,
  "summary_fg_median": 29045.142578125,
  "summary_fg_n": 31473.0,
  "summary_fg_p05": 21452.314453125,
  "summary_fg_p95": 38315.735937499994,
  "summary_fg_stdv": 5301.6796875,
  "tsnr": 88.81694793701172
}