{
  "bids_meta": {
    "AcquisitionNumber": 5,
    "BidsifyVersion": "0.3.5",
    "ConversionSoftware": "dcm2niix",
    "ConversionSoftwareVersion": "v1.0.20181125  GCC6.3.0",
    "EchoTime": 0.00375,
    "ImageComments": "piop",
    "ImageOrientationPatientDICOM": [
      0.999721,
      0.01439,
      -0.0187354,
      -0.012738,
      0.996258,
      0.0854887
    ],
    "Manufacturer": "Philips",
    "PatientPosition": "HFS",
    "PhilipsRescaleIntercept": 0,
    "PhilipsRescaleSlope": 8.7116,
    "PhilipsScaleSlope": 0.007219,
    "ProtocolName": "WIPt13dSENSE",
    "ReconMatrixPE": 240,
    "RepetitionTime": 0.008192,
    "SeriesDescription": "ImageMRSERIES",
    "SeriesNumber": 5,
    "UsePhilipsFloatNotDisplayScaling": 1,
    "dataset": "ds002785",
    "modality": "T1w",
    "subject_id": "0076"
  },
  "cjv": 0.3482787020407878,
  "cnr": 3.606498219510147,
  "efc": 0.756242765049352,
  "fber": 782.6200561523438,
  "fwhm_avg": 3.630162900584193,
  "fwhm_x": 3.5593895756876974,
  "fwhm_y": 3.8462495414913245,
  "fwhm_z": 3.4848495845735568,
  "icvs_csf": 0.20861025279113066,
  "icvs_gm": 0.39137394068572806,
  "icvs_wm": 0.4000158065231413,
  "inu_med": 1.6230237483978271,
  "inu_range": 0.4433327436447141,
  "provenance": {
    "md5sum": "ecdf6835f5af4fc984b311662f9e71ea",
    "settings": {
      "testing": false
    },
    "software": "mriqc",
    "version": "22.0.0rc1",
    "warnings": {
      "large_rot_frame": true,
      "small_air_mask": true
    },
    "webapi_port": null,
    "webapi_url": "https://mriqc.nimh.nih.gov/api/v1"
  },
  "qi_1": 0.0,
  "qi_2": 0.00024675950445263487,
  "rpve_csf": 23.918503273018324,
  "rpve_gm": 13.068181770555015,
  "rpve_wm": 16.95084257564337,
  "size_x": 240,
  "size_y": 240,
  "size_z": 220,
  "snr_csf": 2.9536019098536506,
  "snr_gm": 7.609969812353358,
  "snr_total": 10.903110600344087,
  "snr_wm": 22.145760078825255,
  "snrd_csf": 25.198670018074516,
  "snrd_gm": 46.301886360852414,
  "snrd_total": 47.6038013739748,
  "snrd_wm": 71.31084774299747,
  "spacing_x": 1.0000001192092896,
  "spacing_y": 1.0000001192092896,
  "spacing_z": 1.0000001192092896,
  "summary_bg_k": 590.5400656778481,
  "summary_bg_mad": 9.186957112085661,
  "summary_bg_mean": 12.447399139404297,
  "summary_bg_median": 12.366870880126953,
  "summary_bg_n": 179570.0,
  "summary_bg_p05": 0.0,
  "summary_bg_p95": 31.39910955429077,
  "summary_bg_stdv": 11.737149238586426,
  "summary_csf_k": 0.5865121111933362,
  "summary_csf_mad": 107.08378211996738,
  "summary_csf_mean": 329.27813720703125,
  "summary_csf_median": 353.36016845703125,
  "summary_csf_n": 10622.0,
  "summary_csf_p05": 105.83274192810059,
  "summary_csf_p95": 487.1152282714842,
  "summary_csf_stdv": 119.63140106201172,
  "summary_gm_k": 0.447938802382414,
  "summary_gm_mad": 80.60047874936494,
  "summary_gm_mean": 653.2832641601562,
  "summary_gm_median": 649.2899169921875,
  "summary_gm_n": 13199.0,
  "summary_gm_p05": 520.8586242675781,
  "summary_gm_p95": 800.9740966796875,
  "summary_gm_stdv": 85.3177261352539,
  "summary_wm_k": 0.8502984513272773,
  "summary_wm_mad": 41.54082379329835,
  "summary_wm_mean": 999.4066772460938,
  "summary_wm_median": 999.9898071289062,
  "summary_wm_n": 271829.0,
  "summary_wm_p05": 924.861181640625,
  "summary_wm_p95": 1072.0191406249999,
  "summary_wm_stdv": 45.15482711791992,
  "tpm_overlap_csf": 0.16038426756858826,
  "tpm_overlap_gm": 0.41770580410957336,
  "tpm_overlap_wm": 0.49734142422676086,
  "wm2max": 0.6795615293600428
}