{
  "aor": 0.001960308641975309,
  "aqi": 0.004658621358024691,
  "bids_meta": {
    "AcquisitionNumber": 8,
    "BidsifyVersion": "0.3.5",
    "ConversionSoftware": "dcm2niix",
    "ConversionSoftwareVersion": "v1.0.20181125  GCC6.3.0",
    "EchoTime": 0.02762,
    "EffectiveEchoSpacing": 0.0006621159151938905,
    "ImageComments": "piop",
    "ImageOrientationPatientDICOM": [
      0.999108,
      -0.00771958,
      -0.0415186,
      -0.000697509,
      0.98,
      -0.198997
    ],
    "Manufacturer": "Philips",
    "NumberOfVolumesDiscardedByScanner": 2,
    "ParallelAcquisitionTechnique": "SENSE",
    "ParallelReductionFactorInPlane": 2,
    "PatientPosition": "HFS",
    "PhaseEncodingDirection": "j",
    "PhilipsRescaleIntercept": 0,
    "PhilipsRescaleSlope": 0.78462,
    "PhilipsScaleSlope": 0.0586457,
    "ProtocolName": "WIPpiopwmSENSE",
    "PulseSequenceType": "gradient echo EPI",
    "ReconMatrixPE": 80,
    "RepetitionTime": 2,
    "SeriesDescription": "ImageMRSERIES",
    "SeriesNumber": 8,
    "SliceEncodingDirection": "k",
    "SliceTiming": [
      0.0,
      0.0541,
      0.1081,
      0.1622,
      0.2162,
      0.2703,
      0.3243,
      0.3784,
      0.4324,
      0.4865,
      0.5405,
      0.5946,
      0.6486,
      0.7027,
      0.7568,
      0.8108,
      0.8649,
      0.9189,
      0.973,
      1.027,
      1.0811,
      1.1351,
      1.1892,
      1.2432,
      1.2973,
      1.3514,
      1.4054,
      1.4595,
      1.5135,
      1.5676,
      1.6216,
      1.6757,
      1.7297,
      1.7838,
      1.8378,
      1.8919,
      1.9459
    ],
    "TaskName": "workingmemory",
    "TotalReadoutTime": 0.025822520692561732,
    "UsePhilipsFloatNotDisplayScaling": 1,
    "acq_id": "seq",
    "dataset": "ds002785",
    "modality": "bold",
    "subject_id": "0033",
    "task_id": "workingmemory"
  },
  "dummy_trs": 0,
  "dvars_nstd": 20.191041904782598,
  "dvars_std": 1.144992674968944,
  "dvars_vstd": 1.0242386808695652,
  "efc": 0.4334993891129886,
  "fber": 121326.1640625,
  "fd_mean": 0.11322411716511693,
  "fd_num": 14,
  "fd_perc": 8.641975308641975,
  "fwhm_avg": 1.7701117250513239,
  "fwhm_x": 1.7429733333333333,
  "fwhm_y": 1.9314133333333334,
  "fwhm_z": 1.6359485084873042,
  "gcor": 0.0459444,
  "gsr_x": -0.014274233020842075,
  "gsr_y": 0.021656950935721397,
  "provenance": {
    "md5sum": "a9ebf17bdd0ff314db7fbc64de1e9120",
    "settings": {
      "fd_thres": 0.2,
      "testing": false
    },
    "software": "mriqc",
    "version": "22.0.0rc1",
    "webapi_port": null,
    "webapi_url": "https://mriqc.nimh.nih.gov/api/v1"
  },
  "size_t": 162,
  "size_x": 80,
  "size_y": 80,
  "size_z": 37,
  "snr": 5.119866719474605,
  "spacing_tr": 2.0,
  "spacing_x": 3.0,
  "spacing_y": 3.0,
  "spacing_z": 3.299999952316284,
  "summary_bg_k": 66.8371792816416,
  "summary_bg_mad": 64.06002525096363,
  "summary_bg_mean": 588.03759765625,
  "summary_bg_median": 59.76404571533203,
  "summary_bg_n": 159655.0,
  "summary_bg_p05": 4.66251039505005,
  "summary_bg_p95": 3057.7317138671865,
  "summary_bg_stdv": 1666.03564453125,
  "summary_fg_k": 3.2046185791243103,
  "summary_fg_mad": 3715.2737484468857,
  "summary_fg_mean": 22032.421875,
  "summary_fg_median": 21511.619140625,
  "summary_fg_n": 36261.0,
  "summary_fg_p05": 16341.6376953125,
  "summary_fg_p95": 28894.474609375,
  "summary_fg_stdv": 4201.53955078125,
  "tsnr": 74.43270874023438
}