{
  "aor": 0.0009261297071129708,
  "aqi": 0.012140393828451885,
  "bids_meta": {
    "AcquisitionNumber": 6,
    "BidsifyVersion": "0.3.5",
    "ConversionSoftware": "dcm2niix",
    "ConversionSoftwareVersion": "v1.0.20181125  GCC6.3.0",
    "EchoTime": 0.02762,
    "EffectiveEchoSpacing": 0.0006333282667071997,
    "ImageComments": "piop",
    "ImageOrientationPatientDICOM": [
      0.999104,
      -0.00771504,
      -0.0416035,
      -0.0047082,
      0.956861,
      -0.290509
    ],
    "Manufacturer": "Philips",
    "NumberOfVolumesDiscardedByScanner": 2,
    "ParallelAcquisitionTechnique": "SENSE",
    "ParallelReductionFactorInPlane": 2,
    "PatientPosition": "HFS",
    "PhaseEncodingDirection": "j",
    "PhilipsRescaleIntercept": 0,
    "PhilipsRescaleSlope": 0.80757,
    "PhilipsScaleSlope": 0.0872938,
    "ProtocolName": "WIPpioprsSENSE",
    "PulseSequenceType": "gradient echo EPI",
    "ReconMatrixPE": 80,
    "RepetitionTime": 0.75,
    "SeriesDescription": "ImageMRSERIES",
    "SeriesNumber": 6,
    "SliceEncodingDirection": "k",
    "SliceTiming": [
      0.0,
      0.06755050505050506,
      0.1351010101010101,
      0.20265151515151517,
      0.2702020202020202,
      0.3377525252525253,
      0.40530303030303033,
      0.47285353535353536,
      0.5404040404040404,
      0.6079545454545455,
      0.6755050505050506,
      0.7430555555555556,
      0.0,
      0.06755050505050506,
      0.1351010101010101,
      0.20265151515151517,
      0.2702020202020202,
      0.3377525252525253,
      0.40530303030303033,
      0.47285353535353536,
      0.5404040404040404,
      0.6079545454545455,
      0.6755050505050506,
      0.7430555555555556,
      0.0,
      0.06755050505050506,
      0.1351010101010101,
      0.20265151515151517,
      0.2702020202020202,
      0.3377525252525253,
      0.40530303030303033,
      0.47285353535353536,
      0.5404040404040404,
      0.6079545454545455,
      0.6755050505050506,
      0.7430555555555556
    ],
    "TaskName": "restingstate",
    "TotalReadoutTime": 0.024699802401580786,
    "UsePhilipsFloatNotDisplayScaling": 1,
    "acq_id": "mb3",
    "dataset": "ds002785",
    "modality": "bold",
    "subject_id": "0033",
    "task_id": "restingstate"
  },
  "dummy_trs": 2,
  "dvars_nstd": 30.508278476960154,
  "dvars_std": 1.096387838301888,
  "dvars_vstd": 1.0156367266457016,
  "efc": 0.4443819872927011,
  "fber": 127475.25,
  "fd_mean": 0.11277707209660101,
  "fd_num": 37,
  "fd_perc": 7.7405857740585775,
  "fwhm_avg": 1.721097785528228,
  "fwhm_x": 1.7025233333333334,
  "fwhm_y": 1.8516366666666666,
  "fwhm_z": 1.6091333565846841,
  "gcor": 0.0163065,
  "gsr_x": -0.01706044375896454,
  "gsr_y": 0.017359860241413116,
  "provenance": {
    "md5sum": "76b2e54bf173075e377d1f793983d1ba",
    "settings": {
      "fd_thres": 0.2,
      "testing": false
    },
    "software": "mriqc",
    "version": "22.0.0rc1",
    "webapi_port": null,
    "webapi_url": "https://mriqc.nimh.nih.gov/api/v1"
  },
  "size_t": 478,
  "size_x": 80,
  "size_y": 80,
  "size_z": 36,
  "snr": 6.625482834019529,
  "spacing_tr": 0.75,
  "spacing_x": 3.0,
  "spacing_y": 3.0,
  "spacing_z": 3.299999952316284,
  "summary_bg_k": 48.9644388256155,
  "summary_bg_mad": 52.51202308788565,
  "summary_bg_mean": 481.6615295410156,
  "summary_bg_median": 47.05567169189453,
  "summary_bg_n": 153715.0,
  "summary_bg_p05": 3.489639496803284,
  "summary_bg_p95": 2448.589038085931,
  "summary_bg_stdv": 1303.5982666015625,
  "summary_fg_k": 2.131956494888283,
  "summary_fg_mad": 2360.273774786338,
  "summary_fg_mean": 17331.484375,
  "summary_fg_median": 17215.03125,
  "summary_fg_n": 36191.0,
  "summary_fg_p05": 13494.00341796875,
  "summary_fg_p95": 21591.1279296875,
  "summary_fg_stdv": 2598.27001953125,
  "tsnr": 45.91059112548828
}