{
  "aor": 0.0029699259259259258,
  "aqi": 0.005178769111111111,
  "bids_meta": {
    "AcquisitionNumber": 5,
    "BidsifyVersion": "0.3.5",
    "ConversionSoftware": "dcm2niix",
    "ConversionSoftwareVersion": "v1.0.20181125  GCC6.3.0",
    "EchoTime": 0.02762,
    "EffectiveEchoSpacing": 0.0006621159151938905,
    "ImageComments": "piop",
    "ImageOrientationPatientDICOM": [
      0.999108,
      -0.00771958,
      -0.0415186,
      -0.000697509,
      0.98,
      -0.198997
    ],
    "Manufacturer": "Philips",
    "NumberOfVolumesDiscardedByScanner": 2,
    "ParallelAcquisitionTechnique": "SENSE",
    "ParallelReductionFactorInPlane": 2,
    "PatientPosition": "HFS",
    "PhaseEncodingDirection": "j",
    "PhilipsRescaleIntercept": 0,
    "PhilipsRescaleSlope": 0.77094,
    "PhilipsScaleSlope": 0.0613692,
    "ProtocolName": "WIPpiopharririSENSE",
    "PulseSequenceType": "gradient echo EPI",
    "ReconMatrixPE": 80,
    "RepetitionTime": 2,
    "SeriesDescription": "ImageMRSERIES",
    "SeriesNumber": 5,
    "SliceEncodingDirection": "k",
    "SliceTiming": [
      0.0,
      0.0541,
      0.1081,
      0.1622,
      0.2162,
      0.2703,
      0.3243,
      0.3784,
      0.4324,
      0.4865,
      0.5405,
      0.5946,
      0.6486,
      0.7027,
      0.7568,
      0.8108,
      0.8649,
      0.9189,
      0.973,
      1.027,
      1.0811,
      1.1351,
      1.1892,
      1.2432,
      1.2973,
      1.3514,
      1.4054,
      1.4595,
      1.5135,
      1.5676,
      1.6216,
      1.6757,
      1.7297,
      1.7838,
      1.8378,
      1.8919,
      1.9459
    ],
    "TaskName": "emomatching",
    "TotalReadoutTime": 0.025822520692561732,
    "UsePhilipsFloatNotDisplayScaling": 1,
    "acq_id": "seq",
    "dataset": "ds002785",
    "modality": "bold",
    "subject_id": "0033",
    "task_id": "emomatching"
  },
  "dummy_trs": 0,
  "dvars_nstd": 21.312556665149245,
  "dvars_std": 1.1554912009701497,
  "dvars_vstd": 1.016156667686567,
  "efc": 0.4366690425706151,
  "fber": 115536.1328125,
  "fd_mean": 0.13975747251782542,
  "fd_num": 21,
  "fd_perc": 15.555555555555555,
  "fwhm_avg": 1.791041725164191,
  "fwhm_x": 1.7577133333333332,
  "fwhm_y": 1.95603,
  "fwhm_z": 1.65938184215924,
  "gcor": 0.0322157,
  "gsr_x": -0.01573859341442585,
  "gsr_y": 0.02151605486869812,
  "provenance": {
    "md5sum": "168d8f9751f57aeb45b6b02bef67e0af",
    "settings": {
      "fd_thres": 0.2,
      "testing": false
    },
    "software": "mriqc",
    "version": "22.0.0rc1",
    "webapi_port": null,
    "webapi_url": "https://mriqc.nimh.nih.gov/api/v1"
  },
  "size_t": 135,
  "size_x": 80,
  "size_y": 80,
  "size_z": 37,
  "snr": 5.110124199237547,
  "spacing_tr": 2.0,
  "spacing_x": 3.0,
  "spacing_y": 3.0,
  "spacing_z": 3.299999952316284,
  "summary_bg_k": 72.6148659514508,
  "summary_bg_mad": 66.94874653195598,
  "summary_bg_mean": 606.1266479492188,
  "summary_bg_median": 62.74372100830078,
  "summary_bg_n": 158992.0,
  "summary_bg_p05": 5.421232533454895,
  "summary_bg_p95": 3105.488928222654,
  "summary_bg_stdv": 1731.072021484375,
  "summary_fg_k": 2.8640877595718672,
  "summary_fg_mad": 3855.049547445451,
  "summary_fg_mean": 22524.359375,
  "summary_fg_median": 22003.7578125,
  "summary_fg_n": 36785.0,
  "summary_fg_p05": 16658.2203125,
  "summary_fg_p95": 29647.481640625,
  "summary_fg_stdv": 4305.85595703125,
  "tsnr": 71.25691223144531
}