{
  "aor": 0.0010000816326530611,
  "aqi": 0.0066867801632653065,
  "bids_meta": {
    "AcquisitionNumber": 3,
    "BidsifyVersion": "0.3.5",
    "ConversionSoftware": "dcm2niix",
    "ConversionSoftwareVersion": "v1.0.20181125  GCC6.3.0",
    "EchoTime": 0.02762,
    "EffectiveEchoSpacing": 0.0006621159151938905,
    "ImageComments": "piop",
    "ImageOrientationPatientDICOM": [
      0.999108,
      -0.00771958,
      -0.0415186,
      -0.000697509,
      0.98,
      -0.198997
    ],
    "Manufacturer": "Philips",
    "NumberOfVolumesDiscardedByScanner": 2,
    "ParallelAcquisitionTechnique": "SENSE",
    "ParallelReductionFactorInPlane": 2,
    "PatientPosition": "HFS",
    "PhaseEncodingDirection": "j",
    "PhilipsRescaleIntercept": 0,
    "PhilipsRescaleSlope": 0.81636,
    "PhilipsScaleSlope": 0.0622959,
    "ProtocolName": "WIPpiopgstroopSENSE",
    "PulseSequenceType": "gradient echo EPI",
    "ReconMatrixPE": 80,
    "RepetitionTime": 2,
    "SeriesDescription": "ImageMRSERIES",
    "SeriesNumber": 3,
    "SliceEncodingDirection": "k",
    "SliceTiming": [
      0.0,
      0.0541,
      0.1081,
      0.1622,
      0.2162,
      0.2703,
      0.3243,
      0.3784,
      0.4324,
      0.4865,
      0.5405,
      0.5946,
      0.6486,
      0.7027,
      0.7568,
      0.8108,
      0.8649,
      0.9189,
      0.973,
      1.027,
      1.0811,
      1.1351,
      1.1892,
      1.2432,
      1.2973,
      1.3514,
      1.4054,
      1.4595,
      1.5135,
      1.5676,
      1.6216,
      1.6757,
      1.7297,
      1.7838,
      1.8378,
      1.8919,
      1.9459
    ],
    "TaskName": "gstroop",
    "TotalReadoutTime": 0.025822520692561732,
    "UsePhilipsFloatNotDisplayScaling": 1,
    "acq_id": "seq",
    "dataset": "ds002785",
    "modality": "bold",
    "subject_id": "0033",
    "task_id": "gstroop"
  },
  "dummy_trs": 0,
  "dvars_nstd": 20.30061844528689,
  "dvars_std": 1.0872572069672133,
  "dvars_vstd": 0.9747874959836067,
  "efc": 0.4372612798849459,
  "fber": 113113.078125,
  "fd_mean": 0.13075272022617396,
  "fd_num": 29,
  "fd_perc": 11.83673469387755,
  "fwhm_avg": 1.7170639470465268,
  "fwhm_x": 1.6864733333333335,
  "fwhm_y": 1.8759033333333335,
  "fwhm_z": 1.5888151744729124,
  "gcor": 0.016356,
  "gsr_x": -0.01557140238583088,
  "gsr_y": 0.02089422382414341,
  "provenance": {
    "md5sum": "064a49035ed3a08e07b9f33ee6d6ae6b",
    "settings": {
      "fd_thres": 0.2,
      "testing": false
    },
    "software": "mriqc",
    "version": "22.0.0rc1",
    "webapi_port": null,
    "webapi_url": "https://mriqc.nimh.nih.gov/api/v1"
  },
  "size_t": 245,
  "size_x": 80,
  "size_y": 80,
  "size_z": 37,
  "snr": 5.370010517542871,
  "spacing_tr": 2.0,
  "spacing_x": 3.0,
  "spacing_y": 3.0,
  "spacing_z": 3.299999952316284,
  "summary_bg_k": 76.30887167220284,
  "summary_bg_mad": 66.02468075388924,
  "summary_bg_mean": 601.586669921875,
  "summary_bg_median": 62.765892028808594,
  "summary_bg_n": 158937.0,
  "summary_bg_p05": 5.739481258392334,
  "summary_bg_p95": 3022.3311523437487,
  "summary_bg_stdv": 1749.560791015625,
  "summary_fg_k": 3.415060178948784,
  "summary_fg_mad": 3609.253211286445,
  "summary_fg_mean": 22228.775390625,
  "summary_fg_median": 21737.90234375,
  "summary_fg_n": 36830.0,
  "summary_fg_p05": 16905.17861328125,
  "summary_fg_p95": 28787.345312499994,
  "summary_fg_stdv": 4047.963623046875,
  "tsnr": 68.66445922851562
}