{
  "aor": 0.0021768499999999997,
  "aqi": 0.0046054699,
  "bids_meta": {
    "AcquisitionNumber": 9,
    "BidsifyVersion": "0.3.5",
    "ConversionSoftware": "dcm2niix",
    "ConversionSoftwareVersion": "v1.0.20181125  GCC6.3.0",
    "EchoTime": 0.02762,
    "EffectiveEchoSpacing": 0.0006621159151938905,
    "ImageComments": "piop",
    "ImageOrientationPatientDICOM": [
      0.999108,
      -0.00771958,
      -0.0415186,
      -0.000697509,
      0.98,
      -0.198997
    ],
    "Manufacturer": "Philips",
    "NumberOfVolumesDiscardedByScanner": 2,
    "ParallelAcquisitionTechnique": "SENSE",
    "ParallelReductionFactorInPlane": 2,
    "PatientPosition": "HFS",
    "PhaseEncodingDirection": "j",
    "PhilipsRescaleIntercept": 0,
    "PhilipsRescaleSlope": 0.79121,
    "PhilipsScaleSlope": 0.0589587,
    "ProtocolName": "WIPpiopanticipatieSENSE",
    "PulseSequenceType": "gradient echo EPI",
    "ReconMatrixPE": 80,
    "RepetitionTime": 2,
    "SeriesDescription": "ImageMRSERIES",
    "SeriesNumber": 9,
    "SliceEncodingDirection": "k",
    "SliceTiming": [
      0.0,
      0.0541,
      0.1081,
      0.1622,
      0.2162,
      0.2703,
      0.3243,
      0.3784,
      0.4324,
      0.4865,
      0.5405,
      0.5946,
      0.6486,
      0.7027,
      0.7568,
      0.8108,
      0.8649,
      0.9189,
      0.973,
      1.027,
      1.0811,
      1.1351,
      1.1892,
      1.2432,
      1.2973,
      1.3514,
      1.4054,
      1.4595,
      1.5135,
      1.5676,
      1.6216,
      1.6757,
      1.7297,
      1.7838,
      1.8378,
      1.8919,
      1.9459
    ],
    "TaskName": "anticipation",
    "TotalReadoutTime": 0.025822520692561732,
    "UsePhilipsFloatNotDisplayScaling": 1,
    "acq_id": "seq",
    "dataset": "ds002785",
    "modality": "bold",
    "subject_id": "0033",
    "task_id": "anticipation"
  },
  "dummy_trs": 0,
  "dvars_nstd": 20.954034613718587,
  "dvars_std": 1.1164600398994975,
  "dvars_vstd": 1.0104197259798995,
  "efc": 0.4335426068688125,
  "fber": 120227.828125,
  "fd_mean": 0.15001018933305135,
  "fd_num": 30,
  "fd_perc": 15.0,
  "fwhm_avg": 1.7581043512153132,
  "fwhm_x": 1.7372333333333334,
  "fwhm_y": 1.92161,
  "fwhm_z": 1.6154697203126058,
  "gcor": 0.0297859,
  "gsr_x": -0.014584776945412159,
  "gsr_y": 0.02249210886657238,
  "provenance": {
    "md5sum": "3906cf95a60ad768185d60d4956f1083",
    "settings": {
      "fd_thres": 0.2,
      "testing": false
    },
    "software": "mriqc",
    "version": "22.0.0rc1",
    "webapi_port": null,
    "webapi_url": "https://mriqc.nimh.nih.gov/api/v1"
  },
  "size_t": 200,
  "size_x": 80,
  "size_y": 80,
  "size_z": 37,
  "snr": 5.133363871793629,
  "spacing_tr": 2.0,
  "spacing_x": 3.0,
  "spacing_y": 3.0,
  "spacing_z": 3.299999952316284,
  "summary_bg_k": 67.70317204466274,
  "summary_bg_mad": 64.03598013327269,
  "summary_bg_mean": 592.4962768554688,
  "summary_bg_median": 60.2866096496582,
  "summary_bg_n": 159680.0,
  "summary_bg_p05": 4.845252203941345,
  "summary_bg_p95": 3065.732678222656,
  "summary_bg_stdv": 1684.4383544921875,
  "summary_fg_k": 3.1871880452453754,
  "summary_fg_mad": 3687.709509154005,
  "summary_fg_mean": 22059.650390625,
  "summary_fg_median": 21532.68359375,
  "summary_fg_n": 36183.0,
  "summary_fg_p05": 16372.3990234375,
  "summary_fg_p95": 28942.441601562503,
  "summary_fg_stdv": 4194.595703125,
  "tsnr": 74.58929443359375
}