{
  "aor": 0.0007172424242424243,
  "aqi": 0.008109620212121213,
  "bids_meta": {
    "AcquisitionNumber": 2,
    "BidsifyVersion": "0.3.5",
    "ConversionSoftware": "dcm2niix",
    "ConversionSoftwareVersion": "v1.0.20181125  GCC6.3.0",
    "EchoTime": 0.02762,
    "EffectiveEchoSpacing": 0.0006333282667071997,
    "ImageComments": "piop",
    "ImageOrientationPatientDICOM": [
      0.999104,
      -0.00771504,
      -0.0416035,
      -0.0047082,
      0.956861,
      -0.290509
    ],
    "Manufacturer": "Philips",
    "NumberOfVolumesDiscardedByScanner": 2,
    "ParallelAcquisitionTechnique": "SENSE",
    "ParallelReductionFactorInPlane": 2,
    "PatientPosition": "HFS",
    "PhaseEncodingDirection": "j",
    "PhilipsRescaleIntercept": 0,
    "PhilipsRescaleSlope": 0.77582,
    "PhilipsScaleSlope": 0.0869662,
    "ProtocolName": "WIPpiopfacesSENSE",
    "PulseSequenceType": "gradient echo EPI",
    "ReconMatrixPE": 80,
    "RepetitionTime": 0.75,
    "SeriesDescription": "ImageMRSERIES",
    "SeriesNumber": 2,
    "SliceEncodingDirection": "k",
    "SliceTiming": [
      0.0,
      0.06755050505050506,
      0.1351010101010101,
      0.20265151515151517,
      0.2702020202020202,
      0.3377525252525253,
      0.40530303030303033,
      0.47285353535353536,
      0.5404040404040404,
      0.6079545454545455,
      0.6755050505050506,
      0.7430555555555556,
      0.0,
      0.06755050505050506,
      0.1351010101010101,
      0.20265151515151517,
      0.2702020202020202,
      0.3377525252525253,
      0.40530303030303033,
      0.47285353535353536,
      0.5404040404040404,
      0.6079545454545455,
      0.6755050505050506,
      0.7430555555555556,
      0.0,
      0.06755050505050506,
      0.1351010101010101,
      0.20265151515151517,
      0.2702020202020202,
      0.3377525252525253,
      0.40530303030303033,
      0.47285353535353536,
      0.5404040404040404,
      0.6079545454545455,
      0.6755050505050506,
      0.7430555555555556
    ],
    "TaskName": "faces",
    "TotalReadoutTime": 0.024699802401580786,
    "UsePhilipsFloatNotDisplayScaling": 1,
    "acq_id": "mb3",
    "dataset": "ds002785",
    "modality": "bold",
    "subject_id": "0033",
    "task_id": "faces"
  },
  "dummy_trs": 0,
  "dvars_nstd": 24.442567222492407,
  "dvars_std": 1.0983277762613988,
  "dvars_vstd": 1.0128628744984793,
  "efc": 0.448389144101154,
  "fber": 128705.8203125,
  "fd_mean": 0.11920378061104188,
  "fd_num": 18,
  "fd_perc": 5.454545454545454,
  "fwhm_avg": 1.9937327790105706,
  "fwhm_x": 2.020306666666667,
  "fwhm_y": 2.1706066666666666,
  "fwhm_z": 1.7902850036983782,
  "gcor": 0.0134233,
  "gsr_x": -0.01783403940498829,
  "gsr_y": 0.016667954623699188,
  "provenance": {
    "md5sum": "51a1e387ebf6c8f20fd72229101ab66f",
    "settings": {
      "fd_thres": 0.2,
      "testing": false
    },
    "software": "mriqc",
    "version": "22.0.0rc1",
    "webapi_port": null,
    "webapi_url": "https://mriqc.nimh.nih.gov/api/v1"
  },
  "size_t": 330,
  "size_x": 80,
  "size_y": 80,
  "size_z": 36,
  "snr": 6.933891727925997,
  "spacing_tr": 0.75,
  "spacing_x": 3.0,
  "spacing_y": 3.0,
  "spacing_z": 3.299999713897705,
  "summary_bg_k": 46.88374563976706,
  "summary_bg_mad": 53.25677698894142,
  "summary_bg_mean": 496.68212890625,
  "summary_bg_median": 48.778255462646484,
  "summary_bg_n": 153273.0,
  "summary_bg_p05": 4.606271076202392,
  "summary_bg_p95": 2491.5129882812485,
  "summary_bg_stdv": 1302.3919677734375,
  "summary_fg_k": 1.4382163712605678,
  "summary_fg_mad": 2391.9817714516435,
  "summary_fg_mean": 17926.130859375,
  "summary_fg_median": 17803.568359375,
  "summary_fg_n": 36677.0,
  "summary_fg_p05": 14055.7642578125,
  "summary_fg_p95": 22236.08984375,
  "summary_fg_stdv": 2567.58056640625,
  "tsnr": 57.826934814453125
}