{
  "aor": 0.005258,
  "aqi": 0.0050232882,
  "bids_meta": {
    "AcquisitionNumber": 9,
    "BidsifyVersion": "0.3.5",
    "ConversionSoftware": "dcm2niix",
    "ConversionSoftwareVersion": "v1.0.20181125  GCC6.3.0",
    "EchoTime": 0.02762,
    "EffectiveEchoSpacing": 0.0006621159151938905,
    "ImageComments": "PIOP",
    "ImageOrientationPatientDICOM": [
      0.997605,
      0.0440424,
      -0.0533326,
      -0.0536791,
      0.97925,
      -0.195416
    ],
    "Manufacturer": "Philips",
    "NumberOfVolumesDiscardedByScanner": 2,
    "ParallelAcquisitionTechnique": "SENSE",
    "ParallelReductionFactorInPlane": 2,
    "PatientPosition": "HFS",
    "PhaseEncodingDirection": "j",
    "PhilipsRescaleIntercept": 0,
    "PhilipsRescaleSlope": 0.82613,
    "PhilipsScaleSlope": 0.0567986,
    "ProtocolName": "WIPpiopanticipatieSENSE",
    "PulseSequenceType": "gradient echo EPI",
    "ReconMatrixPE": 80,
    "RepetitionTime": 2,
    "SeriesDescription": "ImageMRSERIES",
    "SeriesNumber": 9,
    "SliceEncodingDirection": "k",
    "SliceTiming": [
      0.0,
      0.0541,
      0.1081,
      0.1622,
      0.2162,
      0.2703,
      0.3243,
      0.3784,
      0.4324,
      0.4865,
      0.5405,
      0.5946,
      0.6486,
      0.7027,
      0.7568,
      0.8108,
      0.8649,
      0.9189,
      0.973,
      1.027,
      1.0811,
      1.1351,
      1.1892,
      1.2432,
      1.2973,
      1.3514,
      1.4054,
      1.4595,
      1.5135,
      1.5676,
      1.6216,
      1.6757,
      1.7297,
      1.7838,
      1.8378,
      1.8919,
      1.9459
    ],
    "TaskName": "anticipation",
    "TotalReadoutTime": 0.025822520692561732,
    "UsePhilipsFloatNotDisplayScaling": 1,
    "acq_id": "seq",
    "dataset": "ds002785",
    "modality": "bold",
    "subject_id": "0069",
    "task_id": "anticipation"
  },
  "dummy_trs": 0,
  "dvars_nstd": 22.897342863969843,
  "dvars_std": 1.2653969734673374,
  "dvars_vstd": 1.0338242723115583,
  "efc": 0.41825771100181475,
  "fber": 167995.890625,
  "fd_mean": 0.1187644282886393,
  "fd_num": 12,
  "fd_perc": 6.0,
  "fwhm_avg": 1.8625402103476443,
  "fwhm_x": 1.8535266666666665,
  "fwhm_y": 2.0051666666666668,
  "fwhm_z": 1.7289272977095995,
  "gcor": 0.0105261,
  "gsr_x": -0.027060208842158318,
  "gsr_y": 0.021071907132864,
  "provenance": {
    "md5sum": "1f6419f8e47b68ccbee259d59f0b2e8c",
    "settings": {
      "fd_thres": 0.2,
      "testing": false
    },
    "software": "mriqc",
    "version": "22.0.0rc1",
    "webapi_port": null,
    "webapi_url": "https://mriqc.nimh.nih.gov/api/v1"
  },
  "size_t": 200,
  "size_x": 80,
  "size_y": 80,
  "size_z": 37,
  "snr": 4.656153191260324,
  "spacing_tr": 2.0,
  "spacing_x": 3.0,
  "spacing_y": 3.0,
  "spacing_z": 3.299999952316284,
  "summary_bg_k": 72.49652860363729,
  "summary_bg_mad": 64.86962009358058,
  "summary_bg_mean": 567.552001953125,
  "summary_bg_median": 55.32610321044922,
  "summary_bg_n": 161397.0,
  "summary_bg_p05": 1.6939700603485108,
  "summary_bg_p95": 2965.1698242187476,
  "summary_bg_stdv": 1755.4664306640625,
  "summary_fg_k": 1.4718642429904971,
  "summary_fg_mad": 4576.391993043857,
  "summary_fg_mean": 23854.884765625,
  "summary_fg_median": 23158.845703125,
  "summary_fg_n": 34272.0,
  "summary_fg_p05": 17033.18681640625,
  "summary_fg_p95": 32662.59921874998,
  "summary_fg_stdv": 4973.74267578125,
  "tsnr": 68.98904418945312
}