{
  "bids_meta": {
    "AcquisitionNumber": 4,
    "BidsifyVersion": "0.3.5",
    "ConversionSoftware": "dcm2niix",
    "ConversionSoftwareVersion": "v1.0.20181125  GCC6.3.0",
    "EchoTime": 0.0038,
    "ImageComments": "PIOP",
    "ImageOrientationPatientDICOM": [
      0.999759,
      0.018532,
      0.0117713,
      -0.0200691,
      0.988817,
      0.147776
    ],
    "Manufacturer": "Philips",
    "PatientPosition": "HFS",
    "PhilipsRescaleIntercept": 0,
    "PhilipsRescaleSlope": 8.63736,
    "PhilipsScaleSlope": 0.00733601,
    "ProtocolName": "WIPt13dSENSE",
    "ReconMatrixPE": 240,
    "RepetitionTime": 0.008264,
    "SeriesDescription": "ImageMRSERIES",
    "SeriesNumber": 4,
    "UsePhilipsFloatNotDisplayScaling": 1,
    "dataset": "ds002785",
    "modality": "T1w",
    "subject_id": "0020"
  },
  "cjv": 0.3822602807023663,
  "cnr": 3.3248247073240575,
  "efc": 0.758528352133877,
  "fber": 992.208740234375,
  "fwhm_avg": 3.7214266666666664,
  "fwhm_x": 3.6435,
  "fwhm_y": 3.96588,
  "fwhm_z": 3.5549,
  "icvs_csf": 0.22432163423884785,
  "icvs_gm": 0.4084432126551107,
  "icvs_wm": 0.36723515310604143,
  "inu_med": 0.814903736114502,
  "inu_range": 0.3481289476156232,
  "provenance": {
    "md5sum": "b8f9a3334df415e0aaaf41ed54349ac4",
    "settings": {
      "testing": false
    },
    "software": "mriqc",
    "version": "22.0.0rc1",
    "warnings": {
      "large_rot_frame": true,
      "small_air_mask": true
    },
    "webapi_port": null,
    "webapi_url": "https://mriqc.nimh.nih.gov/api/v1"
  },
  "qi_1": 0.0,
  "qi_2": 0.0002353068829371955,
  "rpve_csf": 26.50624292974488,
  "rpve_gm": 14.917544876198441,
  "rpve_wm": 21.326015311986378,
  "size_x": 240,
  "size_y": 240,
  "size_z": 220,
  "snr_csf": 2.611504550614364,
  "snr_gm": 7.191790287957701,
  "snr_total": 9.619544629843402,
  "snr_wm": 19.05533905095814,
  "snrd_csf": 18.95518033488877,
  "snrd_gm": 33.48768367035382,
  "snrd_total": 34.671719909242995,
  "snrd_wm": 51.5722957224864,
  "spacing_x": 1.0,
  "spacing_y": 1.0,
  "spacing_z": 1.0,
  "summary_bg_k": 2.372969409848994,
  "summary_bg_mad": 12.703225424147229,
  "summary_bg_mean": 18.593137741088867,
  "summary_bg_median": 17.143747329711914,
  "summary_bg_n": 166579.0,
  "summary_bg_p05": 0.0,
  "summary_bg_p95": 43.33324699401856,
  "summary_bg_stdv": 14.768959999084473,
  "summary_csf_k": -0.5557405592675466,
  "summary_csf_mad": 145.969920855698,
  "summary_csf_mean": 345.8404846191406,
  "summary_csf_median": 367.54473876953125,
  "summary_csf_n": 7642.0,
  "summary_csf_p05": 102.25962562561035,
  "summary_csf_p95": 540.7220001220703,
  "summary_csf_stdv": 140.7313995361328,
  "summary_gm_k": 0.011895307273694922,
  "summary_gm_mad": 88.32622624735897,
  "summary_gm_mean": 655.45361328125,
  "summary_gm_median": 649.3328857421875,
  "summary_gm_n": 18417.0,
  "summary_gm_p05": 518.1936157226562,
  "summary_gm_p95": 815.8478271484375,
  "summary_gm_stdv": 90.2856216430664,
  "summary_wm_k": 1.555778732868518,
  "summary_wm_mad": 45.71878671007103,
  "summary_wm_mean": 997.3505249023438,
  "summary_wm_median": 999.9971313476562,
  "summary_wm_n": 191987.0,
  "summary_wm_p05": 905.8143188476563,
  "summary_wm_p95": 1077.2138427734374,
  "summary_wm_stdv": 52.47844314575195,
  "tpm_overlap_csf": 0.15883584320545197,
  "tpm_overlap_gm": 0.4454042315483093,
  "tpm_overlap_wm": 0.5052345395088196,
  "wm2max": 0.5383217564039093
}