{
  "bids_meta": {
    "AcquisitionNumber": 4,
    "BidsifyVersion": "0.3.5",
    "ConversionSoftware": "dcm2niix",
    "ConversionSoftwareVersion": "v1.0.20181125  GCC6.3.0",
    "EchoTime": 0.00381,
    "ImageComments": "piop",
    "ImageOrientationPatientDICOM": [
      0.991863,
      0.125342,
      0.0222854,
      -0.126357,
      0.99061,
      0.0522039
    ],
    "Manufacturer": "Philips",
    "PatientPosition": "HFS",
    "PhilipsRescaleIntercept": 0,
    "PhilipsRescaleSlope": 9.14237,
    "PhilipsScaleSlope": 0.00744161,
    "ProtocolName": "WIPt13dSENSE",
    "ReconMatrixPE": 240,
    "RepetitionTime": 0.008239,
    "SeriesDescription": "ImageMRSERIES",
    "SeriesNumber": 4,
    "UsePhilipsFloatNotDisplayScaling": 1,
    "dataset": "ds002785",
    "modality": "T1w",
    "subject_id": "0041"
  },
  "cjv": 0.3443100486298134,
  "cnr": 3.670038319231463,
  "efc": 0.7468134178243995,
  "fber": 598.0103149414062,
  "fwhm_avg": 3.460956800796994,
  "fwhm_x": 3.468990206767929,
  "fwhm_y": 3.63187,
  "fwhm_z": 3.282010195623052,
  "icvs_csf": 0.19873251287460753,
  "icvs_gm": 0.421160864002295,
  "icvs_wm": 0.38010662312309745,
  "inu_med": 2.5046958923339844,
  "inu_range": 0.6345468521118165,
  "provenance": {
    "md5sum": "2cabb13bc0051ef95a16f7118d778769",
    "settings": {
      "testing": false
    },
    "software": "mriqc",
    "version": "22.0.0rc1",
    "warnings": {
      "large_rot_frame": true,
      "small_air_mask": true
    },
    "webapi_port": null,
    "webapi_url": "https://mriqc.nimh.nih.gov/api/v1"
  },
  "qi_1": 0.0,
  "qi_2": 0.000110423311501039,
  "rpve_csf": 29.843679296124744,
  "rpve_gm": 15.247275024112943,
  "rpve_wm": 21.695140715141335,
  "size_x": 240,
  "size_y": 240,
  "size_z": 220,
  "snr_csf": 2.3757201472731873,
  "snr_gm": 6.802003660865399,
  "snr_total": 9.552101365923837,
  "snr_wm": 19.478580289632927,
  "snrd_csf": 21.18081535097602,
  "snrd_gm": 43.465064515568095,
  "snrd_total": 45.109038261106065,
  "snrd_wm": 70.68123491677409,
  "spacing_x": 0.9999999403953552,
  "spacing_y": 1.0,
  "spacing_z": 0.9999999403953552,
  "summary_bg_k": 187.9748935759562,
  "summary_bg_mad": 9.268873961347268,
  "summary_bg_mean": 15.579256057739258,
  "summary_bg_median": 12.433258056640625,
  "summary_bg_n": 202436.0,
  "summary_bg_p05": 0.0,
  "summary_bg_p95": 37.420939445495605,
  "summary_bg_stdv": 14.12192153930664,
  "summary_csf_k": 3.976374926557537,
  "summary_csf_mad": 116.44431483701462,
  "summary_csf_mean": 275.4122314453125,
  "summary_csf_median": 299.66632080078125,
  "summary_csf_n": 4393.0,
  "summary_csf_p05": 69.88750457763672,
  "summary_csf_p95": 444.6405334472655,
  "summary_csf_stdv": 126.12268829345703,
  "summary_gm_k": 0.15248205833896922,
  "summary_gm_mad": 86.39650869916366,
  "summary_gm_mean": 619.0499267578125,
  "summary_gm_median": 614.9440307617188,
  "summary_gm_n": 17301.0,
  "summary_gm_p05": 476.7252197265625,
  "summary_gm_p95": 777.3123168945312,
  "summary_gm_stdv": 90.40369415283203,
  "summary_wm_k": 1.1088010006839228,
  "summary_wm_mad": 46.18164744906372,
  "summary_wm_mean": 997.6245727539062,
  "summary_wm_median": 999.9985961914062,
  "summary_wm_n": 197184.0,
  "summary_wm_p05": 908.7988830566406,
  "summary_wm_p95": 1076.0907409667968,
  "summary_wm_stdv": 51.33824157714844,
  "tpm_overlap_csf": 0.15657559037208557,
  "tpm_overlap_gm": 0.4330965280532837,
  "tpm_overlap_wm": 0.5075194239616394,
  "wm2max": 0.7194352649152781
}