{
  "aor": 0.0015554918032786886,
  "aqi": 0.005403410081967213,
  "bids_meta": {
    "AcquisitionNumber": 3,
    "BidsifyVersion": "0.3.5",
    "ConversionSoftware": "dcm2niix",
    "ConversionSoftwareVersion": "v1.0.20181125  GCC6.3.0",
    "EchoTime": 0.02762,
    "EffectiveEchoSpacing": 0.0006621159151938905,
    "ImageComments": "PIOP",
    "ImageOrientationPatientDICOM": [
      0.997605,
      0.0440424,
      -0.0533326,
      -0.0536791,
      0.97925,
      -0.195416
    ],
    "Manufacturer": "Philips",
    "NumberOfVolumesDiscardedByScanner": 2,
    "ParallelAcquisitionTechnique": "SENSE",
    "ParallelReductionFactorInPlane": 2,
    "PatientPosition": "HFS",
    "PhaseEncodingDirection": "j",
    "PhilipsRescaleIntercept": 0,
    "PhilipsRescaleSlope": 0.75018,
    "PhilipsScaleSlope": 0.0574879,
    "ProtocolName": "WIPpiopgstroopSENSE",
    "PulseSequenceType": "gradient echo EPI",
    "ReconMatrixPE": 80,
    "RepetitionTime": 2,
    "SeriesDescription": "ImageMRSERIES",
    "SeriesNumber": 3,
    "SliceEncodingDirection": "k",
    "SliceTiming": [
      0.0,
      0.0541,
      0.1081,
      0.1622,
      0.2162,
      0.2703,
      0.3243,
      0.3784,
      0.4324,
      0.4865,
      0.5405,
      0.5946,
      0.6486,
      0.7027,
      0.7568,
      0.8108,
      0.8649,
      0.9189,
      0.973,
      1.027,
      1.0811,
      1.1351,
      1.1892,
      1.2432,
      1.2973,
      1.3514,
      1.4054,
      1.4595,
      1.5135,
      1.5676,
      1.6216,
      1.6757,
      1.7297,
      1.7838,
      1.8378,
      1.8919,
      1.9459
    ],
    "TaskName": "gstroop",
    "TotalReadoutTime": 0.025822520692561732,
    "UsePhilipsFloatNotDisplayScaling": 1,
    "acq_id": "seq",
    "dataset": "ds002785",
    "modality": "bold",
    "subject_id": "0069",
    "task_id": "gstroop"
  },
  "dummy_trs": 1,
  "dvars_nstd": 20.20084633057613,
  "dvars_std": 1.0907627962962971,
  "dvars_vstd": 0.9588408146090533,
  "efc": 0.4167255888532746,
  "fber": 164389.265625,
  "fd_mean": 0.12334294793986943,
  "fd_num": 26,
  "fd_perc": 10.655737704918034,
  "fwhm_avg": 1.8611248570834327,
  "fwhm_x": 1.8208566666666668,
  "fwhm_y": 1.9772966666666667,
  "fwhm_z": 1.7852212379169643,
  "gcor": 0.0104382,
  "gsr_x": -0.026242464780807495,
  "gsr_y": 0.021312139928340912,
  "provenance": {
    "md5sum": "3c12f700fe387d1ee8c5db17e2cb117d",
    "settings": {
      "fd_thres": 0.2,
      "testing": false
    },
    "software": "mriqc",
    "version": "22.0.0rc1",
    "webapi_port": null,
    "webapi_url": "https://mriqc.nimh.nih.gov/api/v1"
  },
  "size_t": 244,
  "size_x": 80,
  "size_y": 80,
  "size_z": 37,
  "snr": 4.834985597177058,
  "spacing_tr": 2.0,
  "spacing_x": 3.0,
  "spacing_y": 3.0,
  "spacing_z": 3.299999952316284,
  "summary_bg_k": 88.53261906728885,
  "summary_bg_mad": 61.12765414927293,
  "summary_bg_mean": 548.6907348632812,
  "summary_bg_median": 56.555755615234375,
  "summary_bg_n": 161494.0,
  "summary_bg_p05": 2.324674677848816,
  "summary_bg_p95": 2771.359008789063,
  "summary_bg_stdv": 1759.785400390625,
  "summary_fg_k": 1.4181637394713507,
  "summary_fg_mad": 4502.164875918734,
  "summary_fg_mean": 24121.552734375,
  "summary_fg_median": 23443.5234375,
  "summary_fg_n": 34208.0,
  "summary_fg_p05": 17451.87001953125,
  "summary_fg_p95": 32561.729394531245,
  "summary_fg_stdv": 4848.65576171875,
  "tsnr": 69.51864624023438
}