{
  "aor": 0.004874382716049382,
  "aqi": 0.004568688641975308,
  "bids_meta": {
    "AcquisitionNumber": 8,
    "BidsifyVersion": "0.3.5",
    "ConversionSoftware": "dcm2niix",
    "ConversionSoftwareVersion": "v1.0.20181125  GCC6.3.0",
    "EchoTime": 0.02762,
    "EffectiveEchoSpacing": 0.0006621159151938905,
    "ImageComments": "PIOP",
    "ImageOrientationPatientDICOM": [
      0.997605,
      0.0440424,
      -0.0533326,
      -0.0536791,
      0.97925,
      -0.195416
    ],
    "Manufacturer": "Philips",
    "NumberOfVolumesDiscardedByScanner": 2,
    "ParallelAcquisitionTechnique": "SENSE",
    "ParallelReductionFactorInPlane": 2,
    "PatientPosition": "HFS",
    "PhaseEncodingDirection": "j",
    "PhilipsRescaleIntercept": 0,
    "PhilipsRescaleSlope": 0.81441,
    "PhilipsScaleSlope": 0.0560993,
    "ProtocolName": "WIPpiopwmSENSE",
    "PulseSequenceType": "gradient echo EPI",
    "ReconMatrixPE": 80,
    "RepetitionTime": 2,
    "SeriesDescription": "ImageMRSERIES",
    "SeriesNumber": 8,
    "SliceEncodingDirection": "k",
    "SliceTiming": [
      0.0,
      0.0541,
      0.1081,
      0.1622,
      0.2162,
      0.2703,
      0.3243,
      0.3784,
      0.4324,
      0.4865,
      0.5405,
      0.5946,
      0.6486,
      0.7027,
      0.7568,
      0.8108,
      0.8649,
      0.9189,
      0.973,
      1.027,
      1.0811,
      1.1351,
      1.1892,
      1.2432,
      1.2973,
      1.3514,
      1.4054,
      1.4595,
      1.5135,
      1.5676,
      1.6216,
      1.6757,
      1.7297,
      1.7838,
      1.8378,
      1.8919,
      1.9459
    ],
    "TaskName": "workingmemory",
    "TotalReadoutTime": 0.025822520692561732,
    "UsePhilipsFloatNotDisplayScaling": 1,
    "acq_id": "seq",
    "dataset": "ds002785",
    "modality": "bold",
    "subject_id": "0069",
    "task_id": "workingmemory"
  },
  "dummy_trs": 0,
  "dvars_nstd": 24.84258017900621,
  "dvars_std": 1.2765559060869562,
  "dvars_vstd": 1.0480608203105592,
  "efc": 0.41797874160423054,
  "fber": 167207.78125,
  "fd_mean": 0.18277337704513005,
  "fd_num": 36,
  "fd_perc": 22.22222222222222,
  "fwhm_avg": 1.896371119884915,
  "fwhm_x": 1.8606633333333333,
  "fwhm_y": 2.00685,
  "fwhm_z": 1.8216000263214116,
  "gcor": 0.018841,
  "gsr_x": -0.026840832084417343,
  "gsr_y": 0.020675040781497955,
  "provenance": {
    "md5sum": "68fcecbf4cdf5483eeb97c99f27c05a5",
    "settings": {
      "fd_thres": 0.2,
      "testing": false
    },
    "software": "mriqc",
    "version": "22.0.0rc1",
    "webapi_port": null,
    "webapi_url": "https://mriqc.nimh.nih.gov/api/v1"
  },
  "size_t": 162,
  "size_x": 80,
  "size_y": 80,
  "size_z": 37,
  "snr": 4.674252391087681,
  "spacing_tr": 2.0,
  "spacing_x": 3.0,
  "spacing_y": 3.0,
  "spacing_z": 3.299999952316284,
  "summary_bg_k": 74.0885068353588,
  "summary_bg_mad": 65.11885312548117,
  "summary_bg_mean": 560.6687622070312,
  "summary_bg_median": 55.45310974121094,
  "summary_bg_n": 161412.0,
  "summary_bg_p05": 2.016496419906616,
  "summary_bg_p95": 2899.445336914061,
  "summary_bg_stdv": 1745.0640869140625,
  "summary_fg_k": 1.3749551807531892,
  "summary_fg_mad": 4552.62257837471,
  "summary_fg_mean": 23782.33984375,
  "summary_fg_median": 23088.697265625,
  "summary_fg_n": 34243.0,
  "summary_fg_p05": 16979.255078125,
  "summary_fg_p95": 32458.367578124995,
  "summary_fg_stdv": 4939.4765625,
  "tsnr": 69.80271911621094
}