{
  "aor": 0.0018776109936575053,
  "aqi": 0.010114286131078225,
  "bids_meta": {
    "AcquisitionNumber": 6,
    "BidsifyVersion": "0.3.5",
    "ConversionSoftware": "dcm2niix",
    "ConversionSoftwareVersion": "v1.0.20181125  GCC6.3.0",
    "EchoTime": 0.02762,
    "EffectiveEchoSpacing": 0.0006333282667071997,
    "ImageComments": "PIOP",
    "ImageOrientationPatientDICOM": [
      0.997605,
      0.0440424,
      -0.0533326,
      -0.0536791,
      0.97925,
      -0.195416
    ],
    "Manufacturer": "Philips",
    "NumberOfVolumesDiscardedByScanner": 2,
    "ParallelAcquisitionTechnique": "SENSE",
    "ParallelReductionFactorInPlane": 2,
    "PatientPosition": "HFS",
    "PhaseEncodingDirection": "j",
    "PhilipsRescaleIntercept": 0,
    "PhilipsRescaleSlope": 0.78803,
    "PhilipsScaleSlope": 0.0998218,
    "ProtocolName": "WIPpioprsSENSE",
    "PulseSequenceType": "gradient echo EPI",
    "ReconMatrixPE": 80,
    "RepetitionTime": 0.75,
    "SeriesDescription": "ImageMRSERIES",
    "SeriesNumber": 6,
    "SliceEncodingDirection": "k",
    "SliceTiming": [
      0.0,
      0.06755050505050506,
      0.1351010101010101,
      0.20265151515151517,
      0.2702020202020202,
      0.3377525252525253,
      0.40530303030303033,
      0.47285353535353536,
      0.5404040404040404,
      0.6079545454545455,
      0.6755050505050506,
      0.7430555555555556,
      0.0,
      0.06755050505050506,
      0.1351010101010101,
      0.20265151515151517,
      0.2702020202020202,
      0.3377525252525253,
      0.40530303030303033,
      0.47285353535353536,
      0.5404040404040404,
      0.6079545454545455,
      0.6755050505050506,
      0.7430555555555556,
      0.0,
      0.06755050505050506,
      0.1351010101010101,
      0.20265151515151517,
      0.2702020202020202,
      0.3377525252525253,
      0.40530303030303033,
      0.47285353535353536,
      0.5404040404040404,
      0.6079545454545455,
      0.6755050505050506,
      0.7430555555555556
    ],
    "TaskName": "restingstate",
    "TotalReadoutTime": 0.024699802401580786,
    "UsePhilipsFloatNotDisplayScaling": 1,
    "acq_id": "mb3",
    "dataset": "ds002785",
    "modality": "bold",
    "subject_id": "0069",
    "task_id": "restingstate"
  },
  "dummy_trs": 7,
  "dvars_nstd": 28.020198365381365,
  "dvars_std": 1.1098100020974575,
  "dvars_vstd": 1.004665109364407,
  "efc": 0.42396562654063,
  "fber": 174509.03125,
  "fd_mean": 0.11784900528490011,
  "fd_num": 28,
  "fd_perc": 5.919661733615222,
  "fwhm_avg": 1.9499817260884846,
  "fwhm_x": 1.9428733333333332,
  "fwhm_y": 2.05579,
  "fwhm_z": 1.8512818449321204,
  "gcor": 0.00534483,
  "gsr_x": -0.027720090001821518,
  "gsr_y": 0.018120724707841873,
  "provenance": {
    "md5sum": "48eaee6961f6f376917bb6c7582f0bcb",
    "settings": {
      "fd_thres": 0.2,
      "testing": false
    },
    "software": "mriqc",
    "version": "22.0.0rc1",
    "webapi_port": null,
    "webapi_url": "https://mriqc.nimh.nih.gov/api/v1"
  },
  "size_t": 473,
  "size_x": 80,
  "size_y": 80,
  "size_z": 36,
  "snr": 5.808868368012701,
  "spacing_tr": 0.75,
  "spacing_x": 3.0,
  "spacing_y": 3.0,
  "spacing_z": 3.299999952316284,
  "summary_bg_k": 60.1388151060893,
  "summary_bg_mad": 44.73361344529805,
  "summary_bg_mean": 395.9422912597656,
  "summary_bg_median": 38.727783203125,
  "summary_bg_n": 156410.0,
  "summary_bg_p05": 1.5226821124553687,
  "summary_bg_p95": 2027.32023925781,
  "summary_bg_stdv": 1183.696533203125,
  "summary_fg_k": 0.5740035982628617,
  "summary_fg_mad": 2693.6753965265143,
  "summary_fg_mean": 16564.8984375,
  "summary_fg_median": 16420.806640625,
  "summary_fg_n": 33542.0,
  "summary_fg_p05": 12192.88310546875,
  "summary_fg_p95": 21353.977734375,
  "summary_fg_stdv": 2826.80908203125,
  "tsnr": 46.34907531738281
}