{
  "aor": 0.0031870992366412215,
  "aqi": 0.002591000152671756,
  "bids_meta": {
    "AcquisitionNumber": 5,
    "BidsifyVersion": "0.3.5",
    "ConversionSoftware": "dcm2niix",
    "ConversionSoftwareVersion": "v1.0.20181125  GCC6.3.0",
    "EchoTime": 0.02762,
    "EffectiveEchoSpacing": 0.0006621159151938905,
    "ImageComments": "PIOP",
    "ImageOrientationPatientDICOM": [
      0.997605,
      0.0440424,
      -0.0533326,
      -0.0536791,
      0.97925,
      -0.195416
    ],
    "Manufacturer": "Philips",
    "NumberOfVolumesDiscardedByScanner": 2,
    "ParallelAcquisitionTechnique": "SENSE",
    "ParallelReductionFactorInPlane": 2,
    "PatientPosition": "HFS",
    "PhaseEncodingDirection": "j",
    "PhilipsRescaleIntercept": 0,
    "PhilipsRescaleSlope": 0.80317,
    "PhilipsScaleSlope": 0.0559011,
    "ProtocolName": "WIPpiopharririSENSE",
    "PulseSequenceType": "gradient echo EPI",
    "ReconMatrixPE": 80,
    "RepetitionTime": 2,
    "SeriesDescription": "ImageMRSERIES",
    "SeriesNumber": 5,
    "SliceEncodingDirection": "k",
    "SliceTiming": [
      0.0,
      0.0541,
      0.1081,
      0.1622,
      0.2162,
      0.2703,
      0.3243,
      0.3784,
      0.4324,
      0.4865,
      0.5405,
      0.5946,
      0.6486,
      0.7027,
      0.7568,
      0.8108,
      0.8649,
      0.9189,
      0.973,
      1.027,
      1.0811,
      1.1351,
      1.1892,
      1.2432,
      1.2973,
      1.3514,
      1.4054,
      1.4595,
      1.5135,
      1.5676,
      1.6216,
      1.6757,
      1.7297,
      1.7838,
      1.8378,
      1.8919,
      1.9459
    ],
    "TaskName": "emomatching",
    "TotalReadoutTime": 0.025822520692561732,
    "UsePhilipsFloatNotDisplayScaling": 1,
    "acq_id": "seq",
    "dataset": "ds002785",
    "modality": "bold",
    "subject_id": "0069",
    "task_id": "emomatching"
  },
  "dummy_trs": 4,
  "dvars_nstd": 21.26796522861538,
  "dvars_std": 1.250376945615385,
  "dvars_vstd": 1.0356070531538462,
  "efc": 0.416757089975484,
  "fber": 167733.703125,
  "fd_mean": 0.12097198262358493,
  "fd_num": 9,
  "fd_perc": 6.870229007633588,
  "fwhm_avg": 1.904159503778762,
  "fwhm_x": 1.8652066666666667,
  "fwhm_y": 2.0141566666666666,
  "fwhm_z": 1.8331151780029526,
  "gcor": 0.0182996,
  "gsr_x": -0.02666383422911167,
  "gsr_y": 0.02109997160732746,
  "provenance": {
    "md5sum": "50009c6bf66c2ac49eabdbd2f1938eed",
    "settings": {
      "fd_thres": 0.2,
      "testing": false
    },
    "software": "mriqc",
    "version": "22.0.0rc1",
    "webapi_port": null,
    "webapi_url": "https://mriqc.nimh.nih.gov/api/v1"
  },
  "size_t": 131,
  "size_x": 80,
  "size_y": 80,
  "size_z": 37,
  "snr": 4.6673042889316845,
  "spacing_tr": 2.0,
  "spacing_x": 3.0,
  "spacing_y": 3.0,
  "spacing_z": 3.299999952316284,
  "summary_bg_k": 79.14191438738837,
  "summary_bg_mad": 63.90108442141428,
  "summary_bg_mean": 550.3464965820312,
  "summary_bg_median": 55.57545471191406,
  "summary_bg_n": 161504.0,
  "summary_bg_p05": 1.4018677532672883,
  "summary_bg_p95": 2831.8912963867188,
  "summary_bg_stdv": 1735.831298828125,
  "summary_fg_k": 1.4028432784777722,
  "summary_fg_mad": 4608.254910058167,
  "summary_fg_mean": 23966.9296875,
  "summary_fg_median": 23275.236328125,
  "summary_fg_n": 34212.0,
  "summary_fg_p05": 17059.84375,
  "summary_fg_p95": 32705.558984374973,
  "summary_fg_stdv": 4986.79638671875,
  "tsnr": 85.96488189697266
}