{
  "aor": 0.00038348484848484853,
  "aqi": 0.006573893454545455,
  "bids_meta": {
    "AcquisitionNumber": 2,
    "BidsifyVersion": "0.3.5",
    "ConversionSoftware": "dcm2niix",
    "ConversionSoftwareVersion": "v1.0.20181125  GCC6.3.0",
    "EchoTime": 0.02762,
    "EffectiveEchoSpacing": 0.0006333282667071997,
    "ImageComments": "PIOP",
    "ImageOrientationPatientDICOM": [
      0.997605,
      0.0440424,
      -0.0533326,
      -0.0536791,
      0.97925,
      -0.195416
    ],
    "Manufacturer": "Philips",
    "NumberOfVolumesDiscardedByScanner": 2,
    "ParallelAcquisitionTechnique": "SENSE",
    "ParallelReductionFactorInPlane": 2,
    "PatientPosition": "HFS",
    "PhaseEncodingDirection": "j",
    "PhilipsRescaleIntercept": 0,
    "PhilipsRescaleSlope": 0.7348,
    "PhilipsScaleSlope": 0.101109,
    "ProtocolName": "WIPpiopfacesSENSE",
    "PulseSequenceType": "gradient echo EPI",
    "ReconMatrixPE": 80,
    "RepetitionTime": 0.75,
    "SeriesDescription": "ImageMRSERIES",
    "SeriesNumber": 2,
    "SliceEncodingDirection": "k",
    "SliceTiming": [
      0.0,
      0.06755050505050506,
      0.1351010101010101,
      0.20265151515151517,
      0.2702020202020202,
      0.3377525252525253,
      0.40530303030303033,
      0.47285353535353536,
      0.5404040404040404,
      0.6079545454545455,
      0.6755050505050506,
      0.7430555555555556,
      0.0,
      0.06755050505050506,
      0.1351010101010101,
      0.20265151515151517,
      0.2702020202020202,
      0.3377525252525253,
      0.40530303030303033,
      0.47285353535353536,
      0.5404040404040404,
      0.6079545454545455,
      0.6755050505050506,
      0.7430555555555556,
      0.0,
      0.06755050505050506,
      0.1351010101010101,
      0.20265151515151517,
      0.2702020202020202,
      0.3377525252525253,
      0.40530303030303033,
      0.47285353535353536,
      0.5404040404040404,
      0.6079545454545455,
      0.6755050505050506,
      0.7430555555555556
    ],
    "TaskName": "faces",
    "TotalReadoutTime": 0.024699802401580786,
    "UsePhilipsFloatNotDisplayScaling": 1,
    "acq_id": "mb3",
    "dataset": "ds002785",
    "modality": "bold",
    "subject_id": "0069",
    "task_id": "faces"
  },
  "dummy_trs": 0,
  "dvars_nstd": 27.585701330395153,
  "dvars_std": 1.1185530817629188,
  "dvars_vstd": 1.006285580334347,
  "efc": 0.42250317227845113,
  "fber": 185206.59375,
  "fd_mean": 0.09397370289347373,
  "fd_num": 6,
  "fd_perc": 1.8181818181818181,
  "fwhm_avg": 2.0015359687580787,
  "fwhm_x": 1.99927,
  "fwhm_y": 2.1031166666666667,
  "fwhm_z": 1.9022212396075688,
  "gcor": 0.00579618,
  "gsr_x": -0.027672497555613518,
  "gsr_y": 0.01836274564266205,
  "provenance": {
    "md5sum": "cb5567d00e62bb2c7c7762a287cba1c2",
    "settings": {
      "fd_thres": 0.2,
      "testing": false
    },
    "software": "mriqc",
    "version": "22.0.0rc1",
    "webapi_port": null,
    "webapi_url": "https://mriqc.nimh.nih.gov/api/v1"
  },
  "size_t": 330,
  "size_x": 80,
  "size_y": 80,
  "size_z": 36,
  "snr": 5.537100919642987,
  "spacing_tr": 0.75,
  "spacing_x": 3.0,
  "spacing_y": 3.0,
  "spacing_z": 3.299999952316284,
  "summary_bg_k": 61.052531164863424,
  "summary_bg_mad": 43.84199500248537,
  "summary_bg_mean": 401.32098388671875,
  "summary_bg_median": 38.90145492553711,
  "summary_bg_n": 156405.0,
  "summary_bg_p05": 1.173506140708924,
  "summary_bg_p95": 2044.7213378906245,
  "summary_bg_stdv": 1210.2890625,
  "summary_fg_k": 0.388842313828456,
  "summary_fg_mad": 2971.936232924233,
  "summary_fg_mean": 17229.07421875,
  "summary_fg_median": 17070.76953125,
  "summary_fg_n": 33460.0,
  "summary_fg_p05": 12443.812451171874,
  "summary_fg_p95": 22486.3748046875,
  "summary_fg_stdv": 3082.93359375,
  "tsnr": 53.05833053588867
}