{
  "aor": 0.0022844,
  "aqi": 0.0066390375,
  "bids_meta": {
    "AcquisitionNumber": 9,
    "BidsifyVersion": "0.3.5",
    "ConversionSoftware": "dcm2niix",
    "ConversionSoftwareVersion": "v1.0.20181125  GCC6.3.0",
    "EchoTime": 0.02762,
    "EffectiveEchoSpacing": 0.0006621159151938905,
    "ImageComments": "piop",
    "ImageOrientationPatientDICOM": [
      0.998152,
      0.0588326,
      -0.0151964,
      -0.0600005,
      0.993806,
      -0.0935388
    ],
    "Manufacturer": "Philips",
    "NumberOfVolumesDiscardedByScanner": 2,
    "ParallelAcquisitionTechnique": "SENSE",
    "ParallelReductionFactorInPlane": 2,
    "PatientPosition": "HFS",
    "PhaseEncodingDirection": "j",
    "PhilipsRescaleIntercept": 0,
    "PhilipsRescaleSlope": 0.81978,
    "PhilipsScaleSlope": 0.0573804,
    "ProtocolName": "WIPpiopanticipatieSENSE",
    "PulseSequenceType": "gradient echo EPI",
    "ReconMatrixPE": 80,
    "RepetitionTime": 2,
    "SeriesDescription": "ImageMRSERIES",
    "SeriesNumber": 9,
    "SliceEncodingDirection": "k",
    "SliceTiming": [
      0.0,
      0.0541,
      0.1081,
      0.1622,
      0.2162,
      0.2703,
      0.3243,
      0.3784,
      0.4324,
      0.4865,
      0.5405,
      0.5946,
      0.6486,
      0.7027,
      0.7568,
      0.8108,
      0.8649,
      0.9189,
      0.973,
      1.027,
      1.0811,
      1.1351,
      1.1892,
      1.2432,
      1.2973,
      1.3514,
      1.4054,
      1.4595,
      1.5135,
      1.5676,
      1.6216,
      1.6757,
      1.7297,
      1.7838,
      1.8378,
      1.8919,
      1.9459
    ],
    "TaskName": "anticipation",
    "TotalReadoutTime": 0.025822520692561732,
    "UsePhilipsFloatNotDisplayScaling": 1,
    "acq_id": "seq",
    "dataset": "ds002785",
    "modality": "bold",
    "subject_id": "0058",
    "task_id": "anticipation"
  },
  "dummy_trs": 0,
  "dvars_nstd": 22.692729729698502,
  "dvars_std": 1.217571787487437,
  "dvars_vstd": 0.9982562226633163,
  "efc": 0.4549122465283442,
  "fber": 121622.1015625,
  "fd_mean": 0.11850062434787408,
  "fd_num": 22,
  "fd_perc": 11.0,
  "fwhm_avg": 1.9297557664861615,
  "fwhm_x": 1.9009933333333333,
  "fwhm_y": 2.0383133333333334,
  "fwhm_z": 1.8499606327918172,
  "gcor": 0.0496259,
  "gsr_x": -0.016378676518797874,
  "gsr_y": 0.0240150298923254,
  "provenance": {
    "md5sum": "69690a929bbc8edf588e5cbcbe03f813",
    "settings": {
      "fd_thres": 0.2,
      "testing": false
    },
    "software": "mriqc",
    "version": "22.0.0rc1",
    "webapi_port": null,
    "webapi_url": "https://mriqc.nimh.nih.gov/api/v1"
  },
  "size_t": 200,
  "size_x": 80,
  "size_y": 80,
  "size_z": 37,
  "snr": 5.100778095811979,
  "spacing_tr": 2.0,
  "spacing_x": 3.0,
  "spacing_y": 3.0,
  "spacing_z": 3.299999952316284,
  "summary_bg_k": 74.76061787254041,
  "summary_bg_mad": 72.6178277053298,
  "summary_bg_mean": 644.142578125,
  "summary_bg_median": 66.03355407714844,
  "summary_bg_n": 154200.0,
  "summary_bg_p05": 5.375684356689454,
  "summary_bg_p95": 3551.3283569335695,
  "summary_bg_stdv": 1699.3775634765625,
  "summary_fg_k": 1.634193432426871,
  "summary_fg_mad": 4352.546567270363,
  "summary_fg_mean": 24433.203125,
  "summary_fg_median": 23866.900390625,
  "summary_fg_n": 40463.0,
  "summary_fg_p05": 17918.7462890625,
  "summary_fg_p95": 32549.2919921875,
  "summary_fg_stdv": 4679.0126953125,
  "tsnr": 69.33924865722656
}