{
  "aor": 0.0006122424242424242,
  "aqi": 0.008890501878787878,
  "bids_meta": {
    "AcquisitionNumber": 2,
    "BidsifyVersion": "0.3.5",
    "ConversionSoftware": "dcm2niix",
    "ConversionSoftwareVersion": "v1.0.20181125  GCC6.3.0",
    "EchoTime": 0.02762,
    "EffectiveEchoSpacing": 0.0006333282667071997,
    "ImageComments": "piop",
    "ImageOrientationPatientDICOM": [
      0.998152,
      0.0588326,
      -0.0151964,
      -0.0600005,
      0.993806,
      -0.0935388
    ],
    "Manufacturer": "Philips",
    "NumberOfVolumesDiscardedByScanner": 2,
    "ParallelAcquisitionTechnique": "SENSE",
    "ParallelReductionFactorInPlane": 2,
    "PatientPosition": "HFS",
    "PhaseEncodingDirection": "j",
    "PhilipsRescaleIntercept": 0,
    "PhilipsRescaleSlope": 0.76386,
    "PhilipsScaleSlope": 0.0960599,
    "ProtocolName": "WIPpiopfacesSENSE",
    "PulseSequenceType": "gradient echo EPI",
    "ReconMatrixPE": 80,
    "RepetitionTime": 0.75,
    "SeriesDescription": "ImageMRSERIES",
    "SeriesNumber": 2,
    "SliceEncodingDirection": "k",
    "SliceTiming": [
      0.0,
      0.06755050505050506,
      0.1351010101010101,
      0.20265151515151517,
      0.2702020202020202,
      0.3377525252525253,
      0.40530303030303033,
      0.47285353535353536,
      0.5404040404040404,
      0.6079545454545455,
      0.6755050505050506,
      0.7430555555555556,
      0.0,
      0.06755050505050506,
      0.1351010101010101,
      0.20265151515151517,
      0.2702020202020202,
      0.3377525252525253,
      0.40530303030303033,
      0.47285353535353536,
      0.5404040404040404,
      0.6079545454545455,
      0.6755050505050506,
      0.7430555555555556,
      0.0,
      0.06755050505050506,
      0.1351010101010101,
      0.20265151515151517,
      0.2702020202020202,
      0.3377525252525253,
      0.40530303030303033,
      0.47285353535353536,
      0.5404040404040404,
      0.6079545454545455,
      0.6755050505050506,
      0.7430555555555556
    ],
    "TaskName": "faces",
    "TotalReadoutTime": 0.024699802401580786,
    "UsePhilipsFloatNotDisplayScaling": 1,
    "acq_id": "mb3",
    "dataset": "ds002785",
    "modality": "bold",
    "subject_id": "0058",
    "task_id": "faces"
  },
  "dummy_trs": 0,
  "dvars_nstd": 27.49516465082068,
  "dvars_std": 1.190700417841945,
  "dvars_vstd": 1.0046562918237079,
  "efc": 0.46506795239217835,
  "fber": 110972.1953125,
  "fd_mean": 0.1049124724755886,
  "fd_num": 21,
  "fd_perc": 6.363636363636363,
  "fwhm_avg": 2.12198833938459,
  "fwhm_x": 2.13116,
  "fwhm_y": 2.2777866666666666,
  "fwhm_z": 1.9570183514871036,
  "gcor": 0.034375,
  "gsr_x": -0.01817590557038784,
  "gsr_y": 0.021750712767243385,
  "provenance": {
    "md5sum": "46a9c86b642850c64dc3b7455482f1c5",
    "settings": {
      "fd_thres": 0.2,
      "testing": false
    },
    "software": "mriqc",
    "version": "22.0.0rc1",
    "webapi_port": null,
    "webapi_url": "https://mriqc.nimh.nih.gov/api/v1"
  },
  "size_t": 330,
  "size_x": 80,
  "size_y": 80,
  "size_z": 36,
  "snr": 6.73641395574762,
  "spacing_tr": 0.75,
  "spacing_x": 3.0,
  "spacing_y": 3.0,
  "spacing_z": 3.299999713897705,
  "summary_bg_k": 44.81981648126803,
  "summary_bg_mad": 57.49030199952467,
  "summary_bg_mean": 491.8230895996094,
  "summary_bg_median": 53.22987747192383,
  "summary_bg_n": 149036.0,
  "summary_bg_p05": 6.002764105796814,
  "summary_bg_p95": 2612.634765625,
  "summary_bg_stdv": 1165.1026611328125,
  "summary_fg_k": 0.48419785872183674,
  "summary_fg_mad": 2553.599891806044,
  "summary_fg_mean": 18154.341796875,
  "summary_fg_median": 18042.560546875,
  "summary_fg_n": 40030.0,
  "summary_fg_p05": 13885.981982421876,
  "summary_fg_p95": 22671.264648437496,
  "summary_fg_stdv": 2678.329345703125,
  "tsnr": 56.68449783325195
}