{
  "aor": 0.001940597014925373,
  "aqi": 0.0046335230597014925,
  "bids_meta": {
    "AcquisitionNumber": 5,
    "BidsifyVersion": "0.3.5",
    "ConversionSoftware": "dcm2niix",
    "ConversionSoftwareVersion": "v1.0.20181125  GCC6.3.0",
    "EchoTime": 0.02762,
    "EffectiveEchoSpacing": 0.0006621159151938905,
    "ImageComments": "piop",
    "ImageOrientationPatientDICOM": [
      0.998152,
      0.0588326,
      -0.0151964,
      -0.0600005,
      0.993806,
      -0.0935388
    ],
    "Manufacturer": "Philips",
    "NumberOfVolumesDiscardedByScanner": 2,
    "ParallelAcquisitionTechnique": "SENSE",
    "ParallelReductionFactorInPlane": 2,
    "PatientPosition": "HFS",
    "PhaseEncodingDirection": "j",
    "PhilipsRescaleIntercept": 0,
    "PhilipsRescaleSlope": 0.80147,
    "PhilipsScaleSlope": 0.0582324,
    "ProtocolName": "WIPpiopharririSENSE",
    "PulseSequenceType": "gradient echo EPI",
    "ReconMatrixPE": 80,
    "RepetitionTime": 2,
    "SeriesDescription": "ImageMRSERIES",
    "SeriesNumber": 5,
    "SliceEncodingDirection": "k",
    "SliceTiming": [
      0.0,
      0.0541,
      0.1081,
      0.1622,
      0.2162,
      0.2703,
      0.3243,
      0.3784,
      0.4324,
      0.4865,
      0.5405,
      0.5946,
      0.6486,
      0.7027,
      0.7568,
      0.8108,
      0.8649,
      0.9189,
      0.973,
      1.027,
      1.0811,
      1.1351,
      1.1892,
      1.2432,
      1.2973,
      1.3514,
      1.4054,
      1.4595,
      1.5135,
      1.5676,
      1.6216,
      1.6757,
      1.7297,
      1.7838,
      1.8378,
      1.8919,
      1.9459
    ],
    "TaskName": "emomatching",
    "TotalReadoutTime": 0.025822520692561732,
    "UsePhilipsFloatNotDisplayScaling": 1,
    "acq_id": "seq",
    "dataset": "ds002785",
    "modality": "bold",
    "subject_id": "0058",
    "task_id": "emomatching"
  },
  "dummy_trs": 1,
  "dvars_nstd": 21.50748868097745,
  "dvars_std": 1.2139662148120303,
  "dvars_vstd": 1.0157081379699244,
  "efc": 0.4546242362681439,
  "fber": 125550.4296875,
  "fd_mean": 0.11881719029439086,
  "fd_num": 19,
  "fd_perc": 14.17910447761194,
  "fwhm_avg": 1.9062408168734404,
  "fwhm_x": 1.8775433333333333,
  "fwhm_y": 2.01567,
  "fwhm_z": 1.8255091172869873,
  "gcor": 0.0207003,
  "gsr_x": -0.016065003350377083,
  "gsr_y": 0.023554794490337372,
  "provenance": {
    "md5sum": "815407f3f6855e931af2942b0a9bf57c",
    "settings": {
      "fd_thres": 0.2,
      "testing": false
    },
    "software": "mriqc",
    "version": "22.0.0rc1",
    "webapi_port": null,
    "webapi_url": "https://mriqc.nimh.nih.gov/api/v1"
  },
  "size_t": 134,
  "size_x": 80,
  "size_y": 80,
  "size_z": 37,
  "snr": 5.19416052274326,
  "spacing_tr": 2.0,
  "spacing_x": 3.0,
  "spacing_y": 3.0,
  "spacing_z": 3.299999952316284,
  "summary_bg_k": 73.41769209813691,
  "summary_bg_mad": 70.14444532365044,
  "summary_bg_mean": 638.7604370117188,
  "summary_bg_median": 65.93975830078125,
  "summary_bg_n": 154178.0,
  "summary_bg_p05": 6.029981708526612,
  "summary_bg_p95": 3502.7713989257795,
  "summary_bg_stdv": 1683.4642333984375,
  "summary_fg_k": 1.4057357554654377,
  "summary_fg_mad": 4362.982696949062,
  "summary_fg_mean": 24704.41015625,
  "summary_fg_median": 24178.986328125,
  "summary_fg_n": 40509.0,
  "summary_fg_p05": 18117.06640625,
  "summary_fg_p95": 32753.190234375,
  "summary_fg_stdv": 4654.97509765625,
  "tsnr": 75.79084777832031
}