{
  "aor": 0.00102820987654321,
  "aqi": 0.005084909444444444,
  "bids_meta": {
    "AcquisitionNumber": 8,
    "BidsifyVersion": "0.3.5",
    "ConversionSoftware": "dcm2niix",
    "ConversionSoftwareVersion": "v1.0.20181125  GCC6.3.0",
    "EchoTime": 0.02762,
    "EffectiveEchoSpacing": 0.0006621159151938905,
    "ImageComments": "piop",
    "ImageOrientationPatientDICOM": [
      0.998152,
      0.0588326,
      -0.0151964,
      -0.0600005,
      0.993806,
      -0.0935388
    ],
    "Manufacturer": "Philips",
    "NumberOfVolumesDiscardedByScanner": 2,
    "ParallelAcquisitionTechnique": "SENSE",
    "ParallelReductionFactorInPlane": 2,
    "PatientPosition": "HFS",
    "PhaseEncodingDirection": "j",
    "PhilipsRescaleIntercept": 0,
    "PhilipsRescaleSlope": 0.82442,
    "PhilipsScaleSlope": 0.0573435,
    "ProtocolName": "WIPpiopwmSENSE",
    "PulseSequenceType": "gradient echo EPI",
    "ReconMatrixPE": 80,
    "RepetitionTime": 2,
    "SeriesDescription": "ImageMRSERIES",
    "SeriesNumber": 8,
    "SliceEncodingDirection": "k",
    "SliceTiming": [
      0.0,
      0.0541,
      0.1081,
      0.1622,
      0.2162,
      0.2703,
      0.3243,
      0.3784,
      0.4324,
      0.4865,
      0.5405,
      0.5946,
      0.6486,
      0.7027,
      0.7568,
      0.8108,
      0.8649,
      0.9189,
      0.973,
      1.027,
      1.0811,
      1.1351,
      1.1892,
      1.2432,
      1.2973,
      1.3514,
      1.4054,
      1.4595,
      1.5135,
      1.5676,
      1.6216,
      1.6757,
      1.7297,
      1.7838,
      1.8378,
      1.8919,
      1.9459
    ],
    "TaskName": "workingmemory",
    "TotalReadoutTime": 0.025822520692561732,
    "UsePhilipsFloatNotDisplayScaling": 1,
    "acq_id": "seq",
    "dataset": "ds002785",
    "modality": "bold",
    "subject_id": "0058",
    "task_id": "workingmemory"
  },
  "dummy_trs": 0,
  "dvars_nstd": 20.759061043229817,
  "dvars_std": 1.2182491036645964,
  "dvars_vstd": 0.9995501998757764,
  "efc": 0.45528965186508474,
  "fber": 125215.078125,
  "fd_mean": 0.08173960201318256,
  "fd_num": 2,
  "fd_perc": 1.2345679012345678,
  "fwhm_avg": 1.8955501097927208,
  "fwhm_x": 1.8601333333333334,
  "fwhm_y": 2.003086666666667,
  "fwhm_z": 1.8234303293781617,
  "gcor": 0.0238403,
  "gsr_x": -0.016115326434373856,
  "gsr_y": 0.024109505116939545,
  "provenance": {
    "md5sum": "1e7060637d0725c77b5fe485bbc5651c",
    "settings": {
      "fd_thres": 0.2,
      "testing": false
    },
    "software": "mriqc",
    "version": "22.0.0rc1",
    "webapi_port": null,
    "webapi_url": "https://mriqc.nimh.nih.gov/api/v1"
  },
  "size_t": 162,
  "size_x": 80,
  "size_y": 80,
  "size_z": 37,
  "snr": 5.240489367714117,
  "spacing_tr": 2.0,
  "spacing_x": 3.0,
  "spacing_y": 3.0,
  "spacing_z": 3.299999952316284,
  "summary_bg_k": 71.2244407789613,
  "summary_bg_mad": 70.7949996553822,
  "summary_bg_mean": 646.9370727539062,
  "summary_bg_median": 65.83275604248047,
  "summary_bg_n": 154197.0,
  "summary_bg_p05": 5.705202198028564,
  "summary_bg_p95": 3563.2808593749946,
  "summary_bg_stdv": 1703.435302734375,
  "summary_fg_k": 1.4129206412498752,
  "summary_fg_mad": 4310.980134564233,
  "summary_fg_mean": 24604.478515625,
  "summary_fg_median": 24079.173828125,
  "summary_fg_n": 40520.0,
  "summary_fg_p05": 18124.29853515625,
  "summary_fg_p95": 32593.93994140625,
  "summary_fg_stdv": 4594.7763671875,
  "tsnr": 77.56906127929688
}