{
  "bids_meta": {
    "AcquisitionNumber": 4,
    "BidsifyVersion": "0.3.5",
    "ConversionSoftware": "dcm2niix",
    "ConversionSoftwareVersion": "v1.0.20181125  GCC6.3.0",
    "EchoTime": 0.00377,
    "ImageComments": "piop",
    "ImageOrientationPatientDICOM": [
      0.999191,
      0.0307108,
      0.025971,
      -0.028259,
      0.99554,
      -0.0900122
    ],
    "Manufacturer": "Philips",
    "PatientPosition": "HFS",
    "PhilipsRescaleIntercept": 0,
    "PhilipsRescaleSlope": 8.96386,
    "PhilipsScaleSlope": 0.00745053,
    "ProtocolName": "WIPt13dSENSE",
    "ReconMatrixPE": 240,
    "RepetitionTime": 0.008212,
    "SeriesDescription": "ImageMRSERIES",
    "SeriesNumber": 4,
    "UsePhilipsFloatNotDisplayScaling": 1,
    "dataset": "ds002785",
    "modality": "T1w",
    "subject_id": "0171"
  },
  "cjv": 0.3024556226936755,
  "cnr": 3.9960744171522014,
  "efc": 0.7655993462042346,
  "fber": 1564.8885498046875,
  "fwhm_avg": 3.5171333333333332,
  "fwhm_x": 3.51857,
  "fwhm_y": 3.72792,
  "fwhm_z": 3.30491,
  "icvs_csf": 0.22916570426247684,
  "icvs_gm": 0.40984627800935863,
  "icvs_wm": 0.3609880177281645,
  "inu_med": 1.7586461305618286,
  "inu_range": 0.44128311872482273,
  "provenance": {
    "md5sum": "a9d64b8f29319f3cc16cf68f05a3c1e7",
    "settings": {
      "testing": false
    },
    "software": "mriqc",
    "version": "22.0.0rc1",
    "warnings": {
      "large_rot_frame": true,
      "small_air_mask": true
    },
    "webapi_port": null,
    "webapi_url": "https://mriqc.nimh.nih.gov/api/v1"
  },
  "qi_1": 0.0,
  "qi_2": 0.0003098989351889789,
  "rpve_csf": 26.60573610363634,
  "rpve_gm": 15.295568847910248,
  "rpve_wm": 23.096851816921554,
  "size_x": 240,
  "size_y": 240,
  "size_z": 220,
  "snr_csf": 4.339302993683184,
  "snr_gm": 7.334926383090588,
  "snr_total": 11.16599749979636,
  "snr_wm": 21.823763122615304,
  "snrd_csf": 27.87687322454394,
  "snrd_gm": 45.809637501300394,
  "snrd_total": 49.35578481105555,
  "snrd_wm": 74.38084370732233,
  "spacing_x": 1.0,
  "spacing_y": 1.0,
  "spacing_z": 1.0,
  "summary_bg_k": 4.6167311316974935,
  "summary_bg_mad": 8.807665387474064,
  "summary_bg_mean": 11.12291431427002,
  "summary_bg_median": 11.878128051757812,
  "summary_bg_n": 127792.0,
  "summary_bg_p05": 0.0,
  "summary_bg_p95": 30.01301326751709,
  "summary_bg_stdv": 9.5128755569458,
  "summary_csf_k": 8.03409203368265,
  "summary_csf_mad": 78.47688453776948,
  "summary_csf_mean": 359.8374938964844,
  "summary_csf_median": 374.7771911621094,
  "summary_csf_n": 5778.0,
  "summary_csf_p05": 213.76450958251954,
  "summary_csf_p95": 466.8362869262695,
  "summary_csf_stdv": 86.36058807373047,
  "summary_gm_k": 0.6375663033594936,
  "summary_gm_mad": 74.77051472779256,
  "summary_gm_mean": 619.6378784179688,
  "summary_gm_median": 615.8656005859375,
  "summary_gm_n": 18903.0,
  "summary_gm_p05": 486.0996520996094,
  "summary_gm_p95": 766.176135253906,
  "summary_gm_stdv": 83.96121215820312,
  "summary_wm_k": 1.1136424101666087,
  "summary_wm_mad": 41.40626388735854,
  "summary_wm_mean": 997.6097412109375,
  "summary_wm_median": 999.9774169921875,
  "summary_wm_n": 191769.0,
  "summary_wm_p05": 919.018310546875,
  "summary_wm_p95": 1067.146142578125,
  "summary_wm_stdv": 45.820457458496094,
  "tpm_overlap_csf": 0.1433488428592682,
  "tpm_overlap_gm": 0.43027427792549133,
  "tpm_overlap_wm": 0.4820922315120697,
  "wm2max": 0.7675917925243978
}