{
  "aor": 0.0007693469387755102,
  "aqi": 0.003922878530612245,
  "bids_meta": {
    "AcquisitionNumber": 3,
    "BidsifyVersion": "0.3.5",
    "ConversionSoftware": "dcm2niix",
    "ConversionSoftwareVersion": "v1.0.20181125  GCC6.3.0",
    "EchoTime": 0.02762,
    "EffectiveEchoSpacing": 0.0006621159151938905,
    "ImageComments": "piop",
    "ImageOrientationPatientDICOM": [
      0.999039,
      0.032826,
      0.0290316,
      -0.0214502,
      0.944004,
      -0.329236
    ],
    "Manufacturer": "Philips",
    "NumberOfVolumesDiscardedByScanner": 2,
    "ParallelAcquisitionTechnique": "SENSE",
    "ParallelReductionFactorInPlane": 2,
    "PatientPosition": "HFS",
    "PhaseEncodingDirection": "j",
    "PhilipsRescaleIntercept": 0,
    "PhilipsRescaleSlope": 0.79219,
    "PhilipsScaleSlope": 0.0548509,
    "ProtocolName": "WIPpiopgstroopSENSE",
    "PulseSequenceType": "gradient echo EPI",
    "ReconMatrixPE": 80,
    "RepetitionTime": 2,
    "SeriesDescription": "ImageMRSERIES",
    "SeriesNumber": 3,
    "SliceEncodingDirection": "k",
    "SliceTiming": [
      0.0,
      0.0541,
      0.1081,
      0.1622,
      0.2162,
      0.2703,
      0.3243,
      0.3784,
      0.4324,
      0.4865,
      0.5405,
      0.5946,
      0.6486,
      0.7027,
      0.7568,
      0.8108,
      0.8649,
      0.9189,
      0.973,
      1.027,
      1.0811,
      1.1351,
      1.1892,
      1.2432,
      1.2973,
      1.3514,
      1.4054,
      1.4595,
      1.5135,
      1.5676,
      1.6216,
      1.6757,
      1.7297,
      1.7838,
      1.8378,
      1.8919,
      1.9459
    ],
    "TaskName": "gstroop",
    "TotalReadoutTime": 0.025822520692561732,
    "UsePhilipsFloatNotDisplayScaling": 1,
    "acq_id": "seq",
    "dataset": "ds002785",
    "modality": "bold",
    "subject_id": "0061",
    "task_id": "gstroop"
  },
  "dummy_trs": 0,
  "dvars_nstd": 19.957182075696732,
  "dvars_std": 1.2247878370081957,
  "dvars_vstd": 0.9915569275000007,
  "efc": 0.4195561896918056,
  "fber": 229581.375,
  "fd_mean": 0.08343399175472795,
  "fd_num": 6,
  "fd_perc": 2.4489795918367347,
  "fwhm_avg": 1.8647187963106322,
  "fwhm_x": 1.8210066666666667,
  "fwhm_y": 2.0225466666666665,
  "fwhm_z": 1.750603055598563,
  "gcor": 0.0220054,
  "gsr_x": -0.022625943645834923,
  "gsr_y": 0.019626270979642868,
  "provenance": {
    "md5sum": "2df5ea4831c44c270a661908f9068366",
    "settings": {
      "fd_thres": 0.2,
      "testing": false
    },
    "software": "mriqc",
    "version": "22.0.0rc1",
    "webapi_port": null,
    "webapi_url": "https://mriqc.nimh.nih.gov/api/v1"
  },
  "size_t": 245,
  "size_x": 80,
  "size_y": 80,
  "size_z": 37,
  "snr": 6.036642542420424,
  "spacing_tr": 2.0,
  "spacing_x": 3.0,
  "spacing_y": 3.0,
  "spacing_z": 3.299999952316284,
  "summary_bg_k": 92.99677860009243,
  "summary_bg_mad": 58.50915341661335,
  "summary_bg_mean": 543.3529052734375,
  "summary_bg_median": 54.02366256713867,
  "summary_bg_n": 160507.0,
  "summary_bg_p05": 2.8357575654983522,
  "summary_bg_p95": 2712.87182617186,
  "summary_bg_stdv": 1804.587646484375,
  "summary_fg_k": 1.592165166630565,
  "summary_fg_mad": 3994.1419594839235,
  "summary_fg_mean": 27025.19140625,
  "summary_fg_median": 26816.2890625,
  "summary_fg_n": 34551.0,
  "summary_fg_p05": 20174.4814453125,
  "summary_fg_p95": 34290.5859375,
  "summary_fg_stdv": 4442.18798828125,
  "tsnr": 88.50541687011719
}