{
  "aor": 0.001672814814814815,
  "aqi": 0.003264192814814815,
  "bids_meta": {
    "AcquisitionNumber": 5,
    "BidsifyVersion": "0.3.5",
    "ConversionSoftware": "dcm2niix",
    "ConversionSoftwareVersion": "v1.0.20181125  GCC6.3.0",
    "EchoTime": 0.02762,
    "EffectiveEchoSpacing": 0.0006621159151938905,
    "ImageComments": "piop",
    "ImageOrientationPatientDICOM": [
      0.999039,
      0.032826,
      0.0290316,
      -0.0214502,
      0.944004,
      -0.329236
    ],
    "Manufacturer": "Philips",
    "NumberOfVolumesDiscardedByScanner": 2,
    "ParallelAcquisitionTechnique": "SENSE",
    "ParallelReductionFactorInPlane": 2,
    "PatientPosition": "HFS",
    "PhaseEncodingDirection": "j",
    "PhilipsRescaleIntercept": 0,
    "PhilipsRescaleSlope": 0.75018,
    "PhilipsScaleSlope": 0.0569988,
    "ProtocolName": "WIPpiopharririSENSE",
    "PulseSequenceType": "gradient echo EPI",
    "ReconMatrixPE": 80,
    "RepetitionTime": 2,
    "SeriesDescription": "ImageMRSERIES",
    "SeriesNumber": 5,
    "SliceEncodingDirection": "k",
    "SliceTiming": [
      0.0,
      0.0541,
      0.1081,
      0.1622,
      0.2162,
      0.2703,
      0.3243,
      0.3784,
      0.4324,
      0.4865,
      0.5405,
      0.5946,
      0.6486,
      0.7027,
      0.7568,
      0.8108,
      0.8649,
      0.9189,
      0.973,
      1.027,
      1.0811,
      1.1351,
      1.1892,
      1.2432,
      1.2973,
      1.3514,
      1.4054,
      1.4595,
      1.5135,
      1.5676,
      1.6216,
      1.6757,
      1.7297,
      1.7838,
      1.8378,
      1.8919,
      1.9459
    ],
    "TaskName": "emomatching",
    "TotalReadoutTime": 0.025822520692561732,
    "UsePhilipsFloatNotDisplayScaling": 1,
    "acq_id": "seq",
    "dataset": "ds002785",
    "modality": "bold",
    "subject_id": "0061",
    "task_id": "emomatching"
  },
  "dummy_trs": 0,
  "dvars_nstd": 18.2656619441791,
  "dvars_std": 1.1944387164925372,
  "dvars_vstd": 1.013521468283582,
  "efc": 0.4192880450041698,
  "fber": 228508.0,
  "fd_mean": 0.09562146948525828,
  "fd_num": 6,
  "fd_perc": 4.444444444444445,
  "fwhm_avg": 1.9364802108174173,
  "fwhm_x": 1.8888733333333334,
  "fwhm_y": 2.094106666666667,
  "fwhm_z": 1.8264606324522512,
  "gcor": 0.0271846,
  "gsr_x": -0.02251862920820713,
  "gsr_y": 0.019826872274279594,
  "provenance": {
    "md5sum": "76c765c2ef087e647f805cfd20ee434b",
    "settings": {
      "fd_thres": 0.2,
      "testing": false
    },
    "software": "mriqc",
    "version": "22.0.0rc1",
    "webapi_port": null,
    "webapi_url": "https://mriqc.nimh.nih.gov/api/v1"
  },
  "size_t": 135,
  "size_x": 80,
  "size_y": 80,
  "size_z": 37,
  "snr": 5.770201368687452,
  "spacing_tr": 2.0,
  "spacing_x": 3.0,
  "spacing_y": 3.0,
  "spacing_z": 3.299999952316284,
  "summary_bg_k": 86.35641665164609,
  "summary_bg_mad": 58.25437781965639,
  "summary_bg_mean": 541.7425537109375,
  "summary_bg_median": 54.21883773803711,
  "summary_bg_n": 160383.0,
  "summary_bg_p05": 2.8270212411880493,
  "summary_bg_p95": 2748.0999511718746,
  "summary_bg_stdv": 1778.5989990234375,
  "summary_fg_k": 1.395438549502722,
  "summary_fg_mad": 4201.74680997912,
  "summary_fg_mean": 27089.43359375,
  "summary_fg_median": 26867.927734375,
  "summary_fg_n": 34609.0,
  "summary_fg_p05": 19833.935546875,
  "summary_fg_p95": 34706.4671875,
  "summary_fg_stdv": 4656.2568359375,
  "tsnr": 92.69493865966797
}