{
  "aor": 0.0011187234042553194,
  "aqi": 0.005835817963525836,
  "bids_meta": {
    "AcquisitionNumber": 2,
    "BidsifyVersion": "0.3.5",
    "ConversionSoftware": "dcm2niix",
    "ConversionSoftwareVersion": "v1.0.20181125  GCC6.3.0",
    "EchoTime": 0.02762,
    "EffectiveEchoSpacing": 0.0006333282667071997,
    "ImageComments": "piop",
    "ImageOrientationPatientDICOM": [
      0.999039,
      0.032826,
      0.0290316,
      -0.0214502,
      0.944004,
      -0.329236
    ],
    "Manufacturer": "Philips",
    "NumberOfVolumesDiscardedByScanner": 2,
    "ParallelAcquisitionTechnique": "SENSE",
    "ParallelReductionFactorInPlane": 2,
    "PatientPosition": "HFS",
    "PhaseEncodingDirection": "j",
    "PhilipsRescaleIntercept": 0,
    "PhilipsRescaleSlope": 0.74042,
    "PhilipsScaleSlope": 0.0946273,
    "ProtocolName": "WIPpiopfacesSENSE",
    "PulseSequenceType": "gradient echo EPI",
    "ReconMatrixPE": 80,
    "RepetitionTime": 0.75,
    "SeriesDescription": "ImageMRSERIES",
    "SeriesNumber": 2,
    "SliceEncodingDirection": "k",
    "SliceTiming": [
      0.0,
      0.06755050505050506,
      0.1351010101010101,
      0.20265151515151517,
      0.2702020202020202,
      0.3377525252525253,
      0.40530303030303033,
      0.47285353535353536,
      0.5404040404040404,
      0.6079545454545455,
      0.6755050505050506,
      0.7430555555555556,
      0.0,
      0.06755050505050506,
      0.1351010101010101,
      0.20265151515151517,
      0.2702020202020202,
      0.3377525252525253,
      0.40530303030303033,
      0.47285353535353536,
      0.5404040404040404,
      0.6079545454545455,
      0.6755050505050506,
      0.7430555555555556,
      0.0,
      0.06755050505050506,
      0.1351010101010101,
      0.20265151515151517,
      0.2702020202020202,
      0.3377525252525253,
      0.40530303030303033,
      0.47285353535353536,
      0.5404040404040404,
      0.6079545454545455,
      0.6755050505050506,
      0.7430555555555556
    ],
    "TaskName": "faces",
    "TotalReadoutTime": 0.024699802401580786,
    "UsePhilipsFloatNotDisplayScaling": 1,
    "acq_id": "mb3",
    "dataset": "ds002785",
    "modality": "bold",
    "subject_id": "0061",
    "task_id": "faces"
  },
  "dummy_trs": 1,
  "dvars_nstd": 19.51521408268293,
  "dvars_std": 1.1009677266158548,
  "dvars_vstd": 1.0095635667987795,
  "efc": 0.4213060795450714,
  "fber": 230711.421875,
  "fd_mean": 0.08804462004574505,
  "fd_num": 7,
  "fd_perc": 2.127659574468085,
  "fwhm_avg": 2.251913694963294,
  "fwhm_x": 2.25646,
  "fwhm_y": 2.471556666666667,
  "fwhm_z": 2.027724418223215,
  "gcor": 0.0206345,
  "gsr_x": -0.022487128153443336,
  "gsr_y": 0.020376453176140785,
  "provenance": {
    "md5sum": "d5d1d288bb773206da4e45bc61965f9c",
    "settings": {
      "fd_thres": 0.2,
      "testing": false
    },
    "software": "mriqc",
    "version": "22.0.0rc1",
    "webapi_port": null,
    "webapi_url": "https://mriqc.nimh.nih.gov/api/v1"
  },
  "size_t": 329,
  "size_x": 80,
  "size_y": 80,
  "size_z": 36,
  "snr": 6.557422200004179,
  "spacing_tr": 0.75,
  "spacing_x": 3.0,
  "spacing_y": 3.0,
  "spacing_z": 3.299999713897705,
  "summary_bg_k": 53.24420627817474,
  "summary_bg_mad": 41.09603294752513,
  "summary_bg_mean": 345.5191650390625,
  "summary_bg_median": 37.78183364868164,
  "summary_bg_n": 155902.0,
  "summary_bg_p05": 1.9670908570289611,
  "summary_bg_p95": 1789.2850158691388,
  "summary_bg_stdv": 1026.430908203125,
  "summary_fg_k": 1.0452042484031496,
  "summary_fg_mad": 2569.184589345101,
  "summary_fg_mean": 18527.544921875,
  "summary_fg_median": 18614.443359375,
  "summary_fg_n": 33636.0,
  "summary_fg_p05": 13657.34912109375,
  "summary_fg_p95": 22976.0361328125,
  "summary_fg_stdv": 2838.640869140625,
  "tsnr": 67.57720184326172
}