{
  "aor": 0.0006367014613778706,
  "aqi": 0.008638831022964508,
  "bids_meta": {
    "AcquisitionNumber": 6,
    "BidsifyVersion": "0.3.5",
    "ConversionSoftware": "dcm2niix",
    "ConversionSoftwareVersion": "v1.0.20181125  GCC6.3.0",
    "EchoTime": 0.02762,
    "EffectiveEchoSpacing": 0.0006333282667071997,
    "ImageComments": "piop",
    "ImageOrientationPatientDICOM": [
      0.999039,
      0.032826,
      0.0290316,
      -0.0214502,
      0.944004,
      -0.329236
    ],
    "Manufacturer": "Philips",
    "NumberOfVolumesDiscardedByScanner": 2,
    "ParallelAcquisitionTechnique": "SENSE",
    "ParallelReductionFactorInPlane": 2,
    "PatientPosition": "HFS",
    "PhaseEncodingDirection": "j",
    "PhilipsRescaleIntercept": 0,
    "PhilipsRescaleSlope": 0.79048,
    "PhilipsScaleSlope": 0.0905731,
    "ProtocolName": "WIPpioprsSENSE",
    "PulseSequenceType": "gradient echo EPI",
    "ReconMatrixPE": 80,
    "RepetitionTime": 0.75,
    "SeriesDescription": "ImageMRSERIES",
    "SeriesNumber": 6,
    "SliceEncodingDirection": "k",
    "SliceTiming": [
      0.0,
      0.06755050505050506,
      0.1351010101010101,
      0.20265151515151517,
      0.2702020202020202,
      0.3377525252525253,
      0.40530303030303033,
      0.47285353535353536,
      0.5404040404040404,
      0.6079545454545455,
      0.6755050505050506,
      0.7430555555555556,
      0.0,
      0.06755050505050506,
      0.1351010101010101,
      0.20265151515151517,
      0.2702020202020202,
      0.3377525252525253,
      0.40530303030303033,
      0.47285353535353536,
      0.5404040404040404,
      0.6079545454545455,
      0.6755050505050506,
      0.7430555555555556,
      0.0,
      0.06755050505050506,
      0.1351010101010101,
      0.20265151515151517,
      0.2702020202020202,
      0.3377525252525253,
      0.40530303030303033,
      0.47285353535353536,
      0.5404040404040404,
      0.6079545454545455,
      0.6755050505050506,
      0.7430555555555556
    ],
    "TaskName": "restingstate",
    "TotalReadoutTime": 0.024699802401580786,
    "UsePhilipsFloatNotDisplayScaling": 1,
    "acq_id": "mb3",
    "dataset": "ds002785",
    "modality": "bold",
    "subject_id": "0061",
    "task_id": "restingstate"
  },
  "dummy_trs": 1,
  "dvars_nstd": 24.21306463248953,
  "dvars_std": 1.1135120038075312,
  "dvars_vstd": 0.9952683350000006,
  "efc": 0.42170251533413733,
  "fber": 227601.265625,
  "fd_mean": 0.08439244155159271,
  "fd_num": 2,
  "fd_perc": 0.4175365344467641,
  "fwhm_avg": 1.991446574538114,
  "fwhm_x": 1.9623133333333334,
  "fwhm_y": 2.1680566666666667,
  "fwhm_z": 1.8439697236143417,
  "gcor": 0.00990966,
  "gsr_x": -0.02172921970486641,
  "gsr_y": 0.019804010167717934,
  "provenance": {
    "md5sum": "e1b00eff8d63061e3440330b7642201c",
    "settings": {
      "fd_thres": 0.2,
      "testing": false
    },
    "software": "mriqc",
    "version": "22.0.0rc1",
    "webapi_port": null,
    "webapi_url": "https://mriqc.nimh.nih.gov/api/v1"
  },
  "size_t": 479,
  "size_x": 80,
  "size_y": 80,
  "size_z": 36,
  "snr": 6.705320667631111,
  "spacing_tr": 0.75,
  "spacing_x": 3.0,
  "spacing_y": 3.0,
  "spacing_z": 3.299999952316284,
  "summary_bg_k": 49.80919781815568,
  "summary_bg_mad": 42.17443795361676,
  "summary_bg_mean": 351.6936340332031,
  "summary_bg_median": 37.275413513183594,
  "summary_bg_n": 155647.0,
  "summary_bg_p05": 1.5479801535606383,
  "summary_bg_p95": 1890.3589355468714,
  "summary_bg_stdv": 1051.2838134765625,
  "summary_fg_k": 1.308853580821224,
  "summary_fg_mad": 2494.0120237349342,
  "summary_fg_mean": 18350.947265625,
  "summary_fg_median": 18474.73828125,
  "summary_fg_n": 33777.0,
  "summary_fg_p05": 13625.2919921875,
  "summary_fg_p95": 22604.46757812499,
  "summary_fg_stdv": 2755.19482421875,
  "tsnr": 56.055152893066406
}