{
  "aor": 0.0040195000000000005,
  "aqi": 0.0256778291,
  "bids_meta": {
    "AcquisitionNumber": 9,
    "BidsifyVersion": "0.3.5",
    "ConversionSoftware": "dcm2niix",
    "ConversionSoftwareVersion": "v1.0.20181125  GCC6.3.0",
    "EchoTime": 0.02762,
    "EffectiveEchoSpacing": 0.0006621159151938905,
    "ImageComments": "piop",
    "ImageOrientationPatientDICOM": [
      0.998963,
      0.040043,
      0.0216726,
      -0.0397732,
      0.999127,
      -0.0127402
    ],
    "Manufacturer": "Philips",
    "NumberOfVolumesDiscardedByScanner": 2,
    "ParallelAcquisitionTechnique": "SENSE",
    "ParallelReductionFactorInPlane": 2,
    "PatientPosition": "HFS",
    "PhaseEncodingDirection": "j",
    "PhilipsRescaleIntercept": 0,
    "PhilipsRescaleSlope": 0.80488,
    "PhilipsScaleSlope": 0.0574727,
    "ProtocolName": "WIPpiopanticipatieSENSE",
    "PulseSequenceType": "gradient echo EPI",
    "ReconMatrixPE": 80,
    "RepetitionTime": 2,
    "SeriesDescription": "ImageMRSERIES",
    "SeriesNumber": 9,
    "SliceEncodingDirection": "k",
    "SliceTiming": [
      0.0,
      0.0541,
      0.1081,
      0.1622,
      0.2162,
      0.2703,
      0.3243,
      0.3784,
      0.4324,
      0.4865,
      0.5405,
      0.5946,
      0.6486,
      0.7027,
      0.7568,
      0.8108,
      0.8649,
      0.9189,
      0.973,
      1.027,
      1.0811,
      1.1351,
      1.1892,
      1.2432,
      1.2973,
      1.3514,
      1.4054,
      1.4595,
      1.5135,
      1.5676,
      1.6216,
      1.6757,
      1.7297,
      1.7838,
      1.8378,
      1.8919,
      1.9459
    ],
    "TaskName": "anticipation",
    "TotalReadoutTime": 0.025822520692561732,
    "UsePhilipsFloatNotDisplayScaling": 1,
    "acq_id": "seq",
    "dataset": "ds002785",
    "modality": "bold",
    "subject_id": "0024",
    "task_id": "anticipation"
  },
  "dummy_trs": 0,
  "dvars_nstd": 32.993974005125615,
  "dvars_std": 1.0949683948743723,
  "dvars_vstd": 0.940353224572864,
  "efc": 0.4482229812000774,
  "fber": 110104.1171875,
  "fd_mean": 0.47599591556060417,
  "fd_num": 128,
  "fd_perc": 64.0,
  "fwhm_avg": 1.8855615232845009,
  "fwhm_x": 1.85348,
  "fwhm_y": 2.11465,
  "fwhm_z": 1.688554569853502,
  "gcor": 0.00996551,
  "gsr_x": -0.008245350793004036,
  "gsr_y": 0.014745663851499557,
  "provenance": {
    "md5sum": "0568a79d5028b3282c82cef9b202b093",
    "settings": {
      "fd_thres": 0.2,
      "testing": false
    },
    "software": "mriqc",
    "version": "22.0.0rc1",
    "webapi_port": null,
    "webapi_url": "https://mriqc.nimh.nih.gov/api/v1"
  },
  "size_t": 200,
  "size_x": 80,
  "size_y": 80,
  "size_z": 37,
  "snr": 5.428347674292712,
  "spacing_tr": 2.0,
  "spacing_x": 3.0,
  "spacing_y": 3.0,
  "spacing_z": 3.299999952316284,
  "summary_bg_k": 47.253373797471134,
  "summary_bg_mad": 78.87253036409648,
  "summary_bg_mean": 779.4804077148438,
  "summary_bg_median": 71.91364288330078,
  "summary_bg_n": 157683.0,
  "summary_bg_p05": 7.9569676399230955,
  "summary_bg_p95": 4607.344335937495,
  "summary_bg_stdv": 2032.614501953125,
  "summary_fg_k": 1.971031632185798,
  "summary_fg_mad": 4163.695766127024,
  "summary_fg_mean": 24637.779296875,
  "summary_fg_median": 24295.71484375,
  "summary_fg_n": 37286.0,
  "summary_fg_p05": 18019.1650390625,
  "summary_fg_p95": 31869.67529296875,
  "summary_fg_stdv": 4475.65087890625,
  "tsnr": 34.712432861328125
}