{
  "aor": 0.00036563636363636366,
  "aqi": 0.007386799636363637,
  "bids_meta": {
    "AcquisitionNumber": 2,
    "BidsifyVersion": "0.3.5",
    "ConversionSoftware": "dcm2niix",
    "ConversionSoftwareVersion": "v1.0.20181125  GCC6.3.0",
    "EchoTime": 0.02762,
    "EffectiveEchoSpacing": 0.0006333282667071997,
    "ImageComments": "Piop",
    "ImageOrientationPatientDICOM": [
      0.999279,
      -0.021765,
      0.0311143,
      0.0307053,
      0.945239,
      -0.324931
    ],
    "Manufacturer": "Philips",
    "NumberOfVolumesDiscardedByScanner": 2,
    "ParallelAcquisitionTechnique": "SENSE",
    "ParallelReductionFactorInPlane": 2,
    "PatientPosition": "HFS",
    "PhaseEncodingDirection": "j",
    "PhilipsRescaleIntercept": 0,
    "PhilipsRescaleSlope": 0.80488,
    "PhilipsScaleSlope": 0.0969411,
    "ProtocolName": "WIPpiopfacesSENSE",
    "PulseSequenceType": "gradient echo EPI",
    "ReconMatrixPE": 80,
    "RepetitionTime": 0.75,
    "SeriesDescription": "ImageMRSERIES",
    "SeriesNumber": 2,
    "SliceEncodingDirection": "k",
    "SliceTiming": [
      0.0,
      0.06755050505050506,
      0.1351010101010101,
      0.20265151515151517,
      0.2702020202020202,
      0.3377525252525253,
      0.40530303030303033,
      0.47285353535353536,
      0.5404040404040404,
      0.6079545454545455,
      0.6755050505050506,
      0.7430555555555556,
      0.0,
      0.06755050505050506,
      0.1351010101010101,
      0.20265151515151517,
      0.2702020202020202,
      0.3377525252525253,
      0.40530303030303033,
      0.47285353535353536,
      0.5404040404040404,
      0.6079545454545455,
      0.6755050505050506,
      0.7430555555555556,
      0.0,
      0.06755050505050506,
      0.1351010101010101,
      0.20265151515151517,
      0.2702020202020202,
      0.3377525252525253,
      0.40530303030303033,
      0.47285353535353536,
      0.5404040404040404,
      0.6079545454545455,
      0.6755050505050506,
      0.7430555555555556
    ],
    "TaskName": "faces",
    "TotalReadoutTime": 0.024699802401580786,
    "UsePhilipsFloatNotDisplayScaling": 1,
    "acq_id": "mb3",
    "dataset": "ds002785",
    "modality": "bold",
    "subject_id": "0163",
    "task_id": "faces"
  },
  "dummy_trs": 0,
  "dvars_nstd": 26.1218345954711,
  "dvars_std": 1.1098146268389064,
  "dvars_vstd": 1.0030071000000005,
  "efc": 0.43286195211882844,
  "fber": 163380.734375,
  "fd_mean": 0.10573815984689582,
  "fd_num": 13,
  "fd_perc": 3.9393939393939394,
  "fwhm_avg": 1.9778042951240795,
  "fwhm_x": 1.9769833333333333,
  "fwhm_y": 2.1328566666666666,
  "fwhm_z": 1.8235728853722386,
  "gcor": 0.0107878,
  "gsr_x": -0.014514218084514141,
  "gsr_y": 0.012940405867993832,
  "provenance": {
    "md5sum": "86d550bd0c0b7ec8beddeb019d6e09e7",
    "settings": {
      "fd_thres": 0.2,
      "testing": false
    },
    "software": "mriqc",
    "version": "22.0.0rc1",
    "webapi_port": null,
    "webapi_url": "https://mriqc.nimh.nih.gov/api/v1"
  },
  "size_t": 330,
  "size_x": 80,
  "size_y": 80,
  "size_z": 36,
  "snr": 6.495232250037709,
  "spacing_tr": 0.75,
  "spacing_x": 3.0,
  "spacing_y": 3.0,
  "spacing_z": 3.299999713897705,
  "summary_bg_k": 47.770082889722445,
  "summary_bg_mad": 42.87685627229558,
  "summary_bg_mean": 337.2494812011719,
  "summary_bg_median": 39.936485290527344,
  "summary_bg_n": 153655.0,
  "summary_bg_p05": 2.5587507247924806,
  "summary_bg_p95": 1713.4626586914019,
  "summary_bg_stdv": 968.018798828125,
  "summary_fg_k": 0.9541231823955578,
  "summary_fg_mad": 2431.857111002291,
  "summary_fg_mean": 16639.181640625,
  "summary_fg_median": 16575.92578125,
  "summary_fg_n": 35387.0,
  "summary_fg_p05": 12729.3068359375,
  "summary_fg_p95": 20891.2123046875,
  "summary_fg_stdv": 2551.978271484375,
  "tsnr": 56.06675720214844
}