{
  "aor": 0.000925365344467641,
  "aqi": 0.010061521148225469,
  "bids_meta": {
    "AcquisitionNumber": 6,
    "BidsifyVersion": "0.3.5",
    "ConversionSoftware": "dcm2niix",
    "ConversionSoftwareVersion": "v1.0.20181125  GCC6.3.0",
    "EchoTime": 0.02762,
    "EffectiveEchoSpacing": 0.0006333282667071997,
    "ImageComments": "Piop",
    "ImageOrientationPatientDICOM": [
      0.999279,
      -0.021765,
      0.0311143,
      0.0307053,
      0.945239,
      -0.324931
    ],
    "Manufacturer": "Philips",
    "NumberOfVolumesDiscardedByScanner": 2,
    "ParallelAcquisitionTechnique": "SENSE",
    "ParallelReductionFactorInPlane": 2,
    "PatientPosition": "HFS",
    "PhaseEncodingDirection": "j",
    "PhilipsRescaleIntercept": 0,
    "PhilipsRescaleSlope": 0.82173,
    "PhilipsScaleSlope": 0.0873034,
    "ProtocolName": "WIPpioprsSENSE",
    "PulseSequenceType": "gradient echo EPI",
    "ReconMatrixPE": 80,
    "RepetitionTime": 0.75,
    "SeriesDescription": "ImageMRSERIES",
    "SeriesNumber": 6,
    "SliceEncodingDirection": "k",
    "SliceTiming": [
      0.0,
      0.06755050505050506,
      0.1351010101010101,
      0.20265151515151517,
      0.2702020202020202,
      0.3377525252525253,
      0.40530303030303033,
      0.47285353535353536,
      0.5404040404040404,
      0.6079545454545455,
      0.6755050505050506,
      0.7430555555555556,
      0.0,
      0.06755050505050506,
      0.1351010101010101,
      0.20265151515151517,
      0.2702020202020202,
      0.3377525252525253,
      0.40530303030303033,
      0.47285353535353536,
      0.5404040404040404,
      0.6079545454545455,
      0.6755050505050506,
      0.7430555555555556,
      0.0,
      0.06755050505050506,
      0.1351010101010101,
      0.20265151515151517,
      0.2702020202020202,
      0.3377525252525253,
      0.40530303030303033,
      0.47285353535353536,
      0.5404040404040404,
      0.6079545454545455,
      0.6755050505050506,
      0.7430555555555556
    ],
    "TaskName": "restingstate",
    "TotalReadoutTime": 0.024699802401580786,
    "UsePhilipsFloatNotDisplayScaling": 1,
    "acq_id": "mb3",
    "dataset": "ds002785",
    "modality": "bold",
    "subject_id": "0163",
    "task_id": "restingstate"
  },
  "dummy_trs": 1,
  "dvars_nstd": 30.660826264079525,
  "dvars_std": 1.132265614518827,
  "dvars_vstd": 1.0189525499163175,
  "efc": 0.432091200866832,
  "fber": 157703.796875,
  "fd_mean": 0.09867468760678859,
  "fd_num": 15,
  "fd_perc": 3.1315240083507305,
  "fwhm_avg": 1.7718333414646112,
  "fwhm_x": 1.7367533333333334,
  "fwhm_y": 1.8905466666666666,
  "fwhm_z": 1.6882000243938335,
  "gcor": 0.033755,
  "gsr_x": -0.014007961377501488,
  "gsr_y": 0.012350299395620823,
  "provenance": {
    "md5sum": "4d6506225daa402eb6fbdbc5e2ee0c0f",
    "settings": {
      "fd_thres": 0.2,
      "testing": false
    },
    "software": "mriqc",
    "version": "22.0.0rc1",
    "webapi_port": null,
    "webapi_url": "https://mriqc.nimh.nih.gov/api/v1"
  },
  "size_t": 479,
  "size_x": 80,
  "size_y": 80,
  "size_z": 36,
  "snr": 6.241734567230643,
  "spacing_tr": 0.75,
  "spacing_x": 3.0,
  "spacing_y": 3.0,
  "spacing_z": 3.299999952316284,
  "summary_bg_k": 51.33620999960686,
  "summary_bg_mad": 44.20549677932478,
  "summary_bg_mean": 344.43682861328125,
  "summary_bg_median": 39.79062271118164,
  "summary_bg_n": 153549.0,
  "summary_bg_p05": 1.700034809112549,
  "summary_bg_p95": 1749.7713623046877,
  "summary_bg_stdv": 1031.9306640625,
  "summary_fg_k": 1.3044295176397442,
  "summary_fg_mad": 2437.5659982557745,
  "summary_fg_mean": 16431.197265625,
  "summary_fg_median": 16329.1708984375,
  "summary_fg_n": 35350.0,
  "summary_fg_p05": 12477.97109375,
  "summary_fg_p95": 20762.79130859375,
  "summary_fg_stdv": 2616.090087890625,
  "tsnr": 46.30100631713867
}