{
  "aor": 0.0016980499999999998,
  "aqi": 0.00385599125,
  "bids_meta": {
    "AcquisitionNumber": 9,
    "BidsifyVersion": "0.3.5",
    "ConversionSoftware": "dcm2niix",
    "ConversionSoftwareVersion": "v1.0.20181125  GCC6.3.0",
    "EchoTime": 0.02762,
    "EffectiveEchoSpacing": 0.0006621159151938905,
    "ImageComments": "Piop",
    "ImageOrientationPatientDICOM": [
      0.999279,
      -0.021765,
      0.0311143,
      0.0307053,
      0.945239,
      -0.324931
    ],
    "Manufacturer": "Philips",
    "NumberOfVolumesDiscardedByScanner": 2,
    "ParallelAcquisitionTechnique": "SENSE",
    "ParallelReductionFactorInPlane": 2,
    "PatientPosition": "HFS",
    "PhaseEncodingDirection": "j",
    "PhilipsRescaleIntercept": 0,
    "PhilipsRescaleSlope": 0.85153,
    "PhilipsScaleSlope": 0.0629792,
    "ProtocolName": "WIPpiopanticipatieSENSE",
    "PulseSequenceType": "gradient echo EPI",
    "ReconMatrixPE": 80,
    "RepetitionTime": 2,
    "SeriesDescription": "ImageMRSERIES",
    "SeriesNumber": 9,
    "SliceEncodingDirection": "k",
    "SliceTiming": [
      0.0,
      0.0541,
      0.1081,
      0.1622,
      0.2162,
      0.2703,
      0.3243,
      0.3784,
      0.4324,
      0.4865,
      0.5405,
      0.5946,
      0.6486,
      0.7027,
      0.7568,
      0.8108,
      0.8649,
      0.9189,
      0.973,
      1.027,
      1.0811,
      1.1351,
      1.1892,
      1.2432,
      1.2973,
      1.3514,
      1.4054,
      1.4595,
      1.5135,
      1.5676,
      1.6216,
      1.6757,
      1.7297,
      1.7838,
      1.8378,
      1.8919,
      1.9459
    ],
    "TaskName": "anticipation",
    "TotalReadoutTime": 0.025822520692561732,
    "UsePhilipsFloatNotDisplayScaling": 1,
    "acq_id": "seq",
    "dataset": "ds002785",
    "modality": "bold",
    "subject_id": "0163",
    "task_id": "anticipation"
  },
  "dummy_trs": 0,
  "dvars_nstd": 26.39459878341707,
  "dvars_std": 1.3891238718090446,
  "dvars_vstd": 1.0191239572864323,
  "efc": 0.42661998187589023,
  "fber": 149833.390625,
  "fd_mean": 0.09200546310982066,
  "fd_num": 10,
  "fd_perc": 5.0,
  "fwhm_avg": 1.7335532404206484,
  "fwhm_x": 1.6853766666666665,
  "fwhm_y": 1.8341133333333335,
  "fwhm_z": 1.6811697212619452,
  "gcor": 0.0570517,
  "gsr_x": -0.01317805889993906,
  "gsr_y": 0.01344202272593975,
  "provenance": {
    "md5sum": "ab176f2dd8b6325a72e1ce81ebc47b79",
    "settings": {
      "fd_thres": 0.2,
      "testing": false
    },
    "software": "mriqc",
    "version": "22.0.0rc1",
    "webapi_port": null,
    "webapi_url": "https://mriqc.nimh.nih.gov/api/v1"
  },
  "size_t": 200,
  "size_x": 80,
  "size_y": 80,
  "size_z": 37,
  "snr": 5.3117425429553835,
  "spacing_tr": 2.0,
  "spacing_x": 3.0,
  "spacing_y": 3.0,
  "spacing_z": 3.299999952316284,
  "summary_bg_k": 64.19175827986204,
  "summary_bg_mad": 51.012634815209346,
  "summary_bg_mean": 428.3426513671875,
  "summary_bg_median": 50.573875427246094,
  "summary_bg_n": 158618.0,
  "summary_bg_p05": 3.1559122920036318,
  "summary_bg_p95": 2191.998010253906,
  "summary_bg_stdv": 1341.410400390625,
  "summary_fg_k": 2.1449283331181803,
  "summary_fg_mad": 3416.355658970526,
  "summary_fg_mean": 20603.82421875,
  "summary_fg_median": 20136.1328125,
  "summary_fg_n": 35911.0,
  "summary_fg_p05": 15335.73876953125,
  "summary_fg_p95": 26971.146484375,
  "summary_fg_stdv": 3790.818603515625,
  "tsnr": 81.24545288085938
}