{
  "aor": 0.00029087878787878793,
  "aqi": 0.005999801787878788,
  "bids_meta": {
    "AcquisitionNumber": 2,
    "BidsifyVersion": "0.3.5",
    "ConversionSoftware": "dcm2niix",
    "ConversionSoftwareVersion": "v1.0.20181125  GCC6.3.0",
    "EchoTime": 0.02762,
    "EffectiveEchoSpacing": 0.0006333282667071997,
    "ImageComments": "piop",
    "ImageOrientationPatientDICOM": [
      0.9991,
      -0.0244886,
      0.0346254,
      0.0319216,
      0.971757,
      -0.233816
    ],
    "Manufacturer": "Philips",
    "NumberOfVolumesDiscardedByScanner": 2,
    "ParallelAcquisitionTechnique": "SENSE",
    "ParallelReductionFactorInPlane": 2,
    "PatientPosition": "HFS",
    "PhaseEncodingDirection": "j",
    "PhilipsRescaleIntercept": 0,
    "PhilipsRescaleSlope": 0.78217,
    "PhilipsScaleSlope": 0.0931603,
    "ProtocolName": "WIPpiopfacesSENSE",
    "PulseSequenceType": "gradient echo EPI",
    "ReconMatrixPE": 80,
    "RepetitionTime": 0.75,
    "SeriesDescription": "ImageMRSERIES",
    "SeriesNumber": 2,
    "SliceEncodingDirection": "k",
    "SliceTiming": [
      0.0,
      0.06755050505050506,
      0.1351010101010101,
      0.20265151515151517,
      0.2702020202020202,
      0.3377525252525253,
      0.40530303030303033,
      0.47285353535353536,
      0.5404040404040404,
      0.6079545454545455,
      0.6755050505050506,
      0.7430555555555556,
      0.0,
      0.06755050505050506,
      0.1351010101010101,
      0.20265151515151517,
      0.2702020202020202,
      0.3377525252525253,
      0.40530303030303033,
      0.47285353535353536,
      0.5404040404040404,
      0.6079545454545455,
      0.6755050505050506,
      0.7430555555555556,
      0.0,
      0.06755050505050506,
      0.1351010101010101,
      0.20265151515151517,
      0.2702020202020202,
      0.3377525252525253,
      0.40530303030303033,
      0.47285353535353536,
      0.5404040404040404,
      0.6079545454545455,
      0.6755050505050506,
      0.7430555555555556
    ],
    "TaskName": "faces",
    "TotalReadoutTime": 0.024699802401580786,
    "UsePhilipsFloatNotDisplayScaling": 1,
    "acq_id": "mb3",
    "dataset": "ds002785",
    "modality": "bold",
    "subject_id": "0096",
    "task_id": "faces"
  },
  "dummy_trs": 0,
  "dvars_nstd": 26.91244287115501,
  "dvars_std": 1.2113253036170208,
  "dvars_vstd": 0.9999267578115506,
  "efc": 0.42361689156658255,
  "fber": 177918.765625,
  "fd_mean": 0.11461511537449265,
  "fd_num": 11,
  "fd_perc": 3.3333333333333335,
  "fwhm_avg": 2.116698135475517,
  "fwhm_x": 2.1549566666666666,
  "fwhm_y": 2.30348,
  "fwhm_z": 1.891657739759885,
  "gcor": 0.0141033,
  "gsr_x": -0.022731009870767593,
  "gsr_y": 0.015494870021939278,
  "provenance": {
    "md5sum": "86955a3e26d7bd4a64fc4d900250bf8a",
    "settings": {
      "fd_thres": 0.2,
      "testing": false
    },
    "software": "mriqc",
    "version": "22.0.0rc1",
    "webapi_port": null,
    "webapi_url": "https://mriqc.nimh.nih.gov/api/v1"
  },
  "size_t": 330,
  "size_x": 80,
  "size_y": 80,
  "size_z": 36,
  "snr": 6.142873523485669,
  "spacing_tr": 0.75,
  "spacing_x": 3.0,
  "spacing_y": 3.0,
  "spacing_z": 3.299999713897705,
  "summary_bg_k": 60.102215094391674,
  "summary_bg_mad": 47.53881661301697,
  "summary_bg_mean": 438.1484069824219,
  "summary_bg_median": 42.068031311035156,
  "summary_bg_n": 157649.0,
  "summary_bg_p05": 2.0863481521606446,
  "summary_bg_p95": 2463.924169921876,
  "summary_bg_stdv": 1237.343994140625,
  "summary_fg_k": 0.7194585898338097,
  "summary_fg_mad": 2750.5036553901327,
  "summary_fg_mean": 18022.541015625,
  "summary_fg_median": 18032.916015625,
  "summary_fg_n": 32748.0,
  "summary_fg_p05": 13028.241015625,
  "summary_fg_p95": 22686.8564453125,
  "summary_fg_stdv": 2935.538330078125,
  "tsnr": 61.7684211730957
}