{
  "aor": 0.001059037037037037,
  "aqi": 0.003713315407407407,
  "bids_meta": {
    "AcquisitionNumber": 5,
    "BidsifyVersion": "0.3.5",
    "ConversionSoftware": "dcm2niix",
    "ConversionSoftwareVersion": "v1.0.20181125  GCC6.3.0",
    "EchoTime": 0.02762,
    "EffectiveEchoSpacing": 0.0006621159151938905,
    "ImageComments": "piop",
    "ImageOrientationPatientDICOM": [
      0.9991,
      -0.0244886,
      0.0346254,
      0.0319216,
      0.971757,
      -0.233816
    ],
    "Manufacturer": "Philips",
    "NumberOfVolumesDiscardedByScanner": 2,
    "ParallelAcquisitionTechnique": "SENSE",
    "ParallelReductionFactorInPlane": 2,
    "PatientPosition": "HFS",
    "PhaseEncodingDirection": "j",
    "PhilipsRescaleIntercept": 0,
    "PhilipsRescaleSlope": 0.76166,
    "PhilipsScaleSlope": 0.0605481,
    "ProtocolName": "WIPpiopharririSENSE",
    "PulseSequenceType": "gradient echo EPI",
    "ReconMatrixPE": 80,
    "RepetitionTime": 2,
    "SeriesDescription": "ImageMRSERIES",
    "SeriesNumber": 5,
    "SliceEncodingDirection": "k",
    "SliceTiming": [
      0.0,
      0.0541,
      0.1081,
      0.1622,
      0.2162,
      0.2703,
      0.3243,
      0.3784,
      0.4324,
      0.4865,
      0.5405,
      0.5946,
      0.6486,
      0.7027,
      0.7568,
      0.8108,
      0.8649,
      0.9189,
      0.973,
      1.027,
      1.0811,
      1.1351,
      1.1892,
      1.2432,
      1.2973,
      1.3514,
      1.4054,
      1.4595,
      1.5135,
      1.5676,
      1.6216,
      1.6757,
      1.7297,
      1.7838,
      1.8378,
      1.8919,
      1.9459
    ],
    "TaskName": "emomatching",
    "TotalReadoutTime": 0.025822520692561732,
    "UsePhilipsFloatNotDisplayScaling": 1,
    "acq_id": "seq",
    "dataset": "ds002785",
    "modality": "bold",
    "subject_id": "0096",
    "task_id": "emomatching"
  },
  "dummy_trs": 0,
  "dvars_nstd": 22.018683746791034,
  "dvars_std": 1.284160791343283,
  "dvars_vstd": 1.0043438952238806,
  "efc": 0.41661292267744454,
  "fber": 150865.390625,
  "fd_mean": 0.09096041951141581,
  "fd_num": 2,
  "fd_perc": 1.4814814814814814,
  "fwhm_avg": 1.8838480893219085,
  "fwhm_x": 1.8472366666666666,
  "fwhm_y": 2.0366833333333334,
  "fwhm_z": 1.7676242679657252,
  "gcor": 0.0156409,
  "gsr_x": -0.01982627995312214,
  "gsr_y": 0.01759771630167961,
  "provenance": {
    "md5sum": "a0739f7e4820ef9389bfc0020256c17a",
    "settings": {
      "fd_thres": 0.2,
      "testing": false
    },
    "software": "mriqc",
    "version": "22.0.0rc1",
    "webapi_port": null,
    "webapi_url": "https://mriqc.nimh.nih.gov/api/v1"
  },
  "size_t": 135,
  "size_x": 80,
  "size_y": 80,
  "size_z": 37,
  "snr": 5.188374609111179,
  "spacing_tr": 2.0,
  "spacing_x": 3.0,
  "spacing_y": 3.0,
  "spacing_z": 3.299999952316284,
  "summary_bg_k": 87.72380474566016,
  "summary_bg_mad": 64.87875260064666,
  "summary_bg_mean": 573.245849609375,
  "summary_bg_median": 61.10593795776367,
  "summary_bg_n": 162403.0,
  "summary_bg_p05": 3.3958728790283206,
  "summary_bg_p95": 3178.818896484375,
  "summary_bg_stdv": 1770.68408203125,
  "summary_fg_k": 1.2612099364927074,
  "summary_fg_mad": 4403.7513622505085,
  "summary_fg_mean": 24565.310546875,
  "summary_fg_median": 24238.384765625,
  "summary_fg_n": 33593.0,
  "summary_fg_p05": 17555.59453125,
  "summary_fg_p95": 32202.448828124994,
  "summary_fg_stdv": 4671.6025390625,
  "tsnr": 80.88678741455078
}