{
  "aor": 0.0017342592592592594,
  "aqi": 0.004937968580246913,
  "bids_meta": {
    "AcquisitionNumber": 8,
    "BidsifyVersion": "0.3.5",
    "ConversionSoftware": "dcm2niix",
    "ConversionSoftwareVersion": "v1.0.20181125  GCC6.3.0",
    "EchoTime": 0.02762,
    "EffectiveEchoSpacing": 0.0006621159151938905,
    "ImageComments": "piop",
    "ImageOrientationPatientDICOM": [
      0.9991,
      -0.0244886,
      0.0346254,
      0.0319216,
      0.971757,
      -0.233816
    ],
    "Manufacturer": "Philips",
    "NumberOfVolumesDiscardedByScanner": 2,
    "ParallelAcquisitionTechnique": "SENSE",
    "ParallelReductionFactorInPlane": 2,
    "PatientPosition": "HFS",
    "PhaseEncodingDirection": "j",
    "PhilipsRescaleIntercept": 0,
    "PhilipsRescaleSlope": 0.81636,
    "PhilipsScaleSlope": 0.0571995,
    "ProtocolName": "WIPpiopwmSENSE",
    "PulseSequenceType": "gradient echo EPI",
    "ReconMatrixPE": 80,
    "RepetitionTime": 2,
    "SeriesDescription": "ImageMRSERIES",
    "SeriesNumber": 8,
    "SliceEncodingDirection": "k",
    "SliceTiming": [
      0.0,
      0.0541,
      0.1081,
      0.1622,
      0.2162,
      0.2703,
      0.3243,
      0.3784,
      0.4324,
      0.4865,
      0.5405,
      0.5946,
      0.6486,
      0.7027,
      0.7568,
      0.8108,
      0.8649,
      0.9189,
      0.973,
      1.027,
      1.0811,
      1.1351,
      1.1892,
      1.2432,
      1.2973,
      1.3514,
      1.4054,
      1.4595,
      1.5135,
      1.5676,
      1.6216,
      1.6757,
      1.7297,
      1.7838,
      1.8378,
      1.8919,
      1.9459
    ],
    "TaskName": "workingmemory",
    "TotalReadoutTime": 0.025822520692561732,
    "UsePhilipsFloatNotDisplayScaling": 1,
    "acq_id": "seq",
    "dataset": "ds002785",
    "modality": "bold",
    "subject_id": "0096",
    "task_id": "workingmemory"
  },
  "dummy_trs": 0,
  "dvars_nstd": 20.606920923788813,
  "dvars_std": 1.2306044496273292,
  "dvars_vstd": 0.9973598773291928,
  "efc": 0.41752284698486786,
  "fber": 153644.640625,
  "fd_mean": 0.09739099225379741,
  "fd_num": 4,
  "fd_perc": 2.4691358024691357,
  "fwhm_avg": 1.8764151599674295,
  "fwhm_x": 1.8397166666666667,
  "fwhm_y": 2.034683333333333,
  "fwhm_z": 1.7548454799022888,
  "gcor": 0.0118039,
  "gsr_x": -0.02024785615503788,
  "gsr_y": 0.01707879640161991,
  "provenance": {
    "md5sum": "f5bbdcf10198d922818e68e61c5533e7",
    "settings": {
      "fd_thres": 0.2,
      "testing": false
    },
    "software": "mriqc",
    "version": "22.0.0rc1",
    "webapi_port": null,
    "webapi_url": "https://mriqc.nimh.nih.gov/api/v1"
  },
  "size_t": 162,
  "size_x": 80,
  "size_y": 80,
  "size_z": 37,
  "snr": 5.198450665070772,
  "spacing_tr": 2.0,
  "spacing_x": 3.0,
  "spacing_y": 3.0,
  "spacing_z": 3.299999952316284,
  "summary_bg_k": 80.62877146563416,
  "summary_bg_mad": 65.45281105108265,
  "summary_bg_mean": 584.45654296875,
  "summary_bg_median": 60.61172103881836,
  "summary_bg_n": 162534.0,
  "summary_bg_p05": 3.477448356151581,
  "summary_bg_p95": 3253.2982666015632,
  "summary_bg_stdv": 1787.56103515625,
  "summary_fg_k": 1.3509684147371983,
  "summary_fg_mad": 4372.092592611989,
  "summary_fg_mean": 24496.91796875,
  "summary_fg_median": 24167.98046875,
  "summary_fg_n": 33522.0,
  "summary_fg_p05": 17465.36728515625,
  "summary_fg_p95": 32053.628222656243,
  "summary_fg_stdv": 4649.00439453125,
  "tsnr": 74.25439453125
}