{
  "aor": 0.00034202928870292885,
  "aqi": 0.009970511317991631,
  "bids_meta": {
    "AcquisitionNumber": 6,
    "BidsifyVersion": "0.3.5",
    "ConversionSoftware": "dcm2niix",
    "ConversionSoftwareVersion": "v1.0.20181125  GCC6.3.0",
    "EchoTime": 0.02762,
    "EffectiveEchoSpacing": 0.0006333282667071997,
    "ImageComments": "piop",
    "ImageOrientationPatientDICOM": [
      0.9991,
      -0.0244886,
      0.0346254,
      0.0319216,
      0.971757,
      -0.233816
    ],
    "Manufacturer": "Philips",
    "NumberOfVolumesDiscardedByScanner": 2,
    "ParallelAcquisitionTechnique": "SENSE",
    "ParallelReductionFactorInPlane": 2,
    "PatientPosition": "HFS",
    "PhaseEncodingDirection": "j",
    "PhilipsRescaleIntercept": 0,
    "PhilipsRescaleSlope": 0.79805,
    "PhilipsScaleSlope": 0.0889231,
    "ProtocolName": "WIPpioprsSENSE",
    "PulseSequenceType": "gradient echo EPI",
    "ReconMatrixPE": 80,
    "RepetitionTime": 0.75,
    "SeriesDescription": "ImageMRSERIES",
    "SeriesNumber": 6,
    "SliceEncodingDirection": "k",
    "SliceTiming": [
      0.0,
      0.06755050505050506,
      0.1351010101010101,
      0.20265151515151517,
      0.2702020202020202,
      0.3377525252525253,
      0.40530303030303033,
      0.47285353535353536,
      0.5404040404040404,
      0.6079545454545455,
      0.6755050505050506,
      0.7430555555555556,
      0.0,
      0.06755050505050506,
      0.1351010101010101,
      0.20265151515151517,
      0.2702020202020202,
      0.3377525252525253,
      0.40530303030303033,
      0.47285353535353536,
      0.5404040404040404,
      0.6079545454545455,
      0.6755050505050506,
      0.7430555555555556,
      0.0,
      0.06755050505050506,
      0.1351010101010101,
      0.20265151515151517,
      0.2702020202020202,
      0.3377525252525253,
      0.40530303030303033,
      0.47285353535353536,
      0.5404040404040404,
      0.6079545454545455,
      0.6755050505050506,
      0.7430555555555556
    ],
    "TaskName": "restingstate",
    "TotalReadoutTime": 0.024699802401580786,
    "UsePhilipsFloatNotDisplayScaling": 1,
    "acq_id": "mb3",
    "dataset": "ds002785",
    "modality": "bold",
    "subject_id": "0096",
    "task_id": "restingstate"
  },
  "dummy_trs": 2,
  "dvars_nstd": 31.89098002266247,
  "dvars_std": 1.2182488163102723,
  "dvars_vstd": 0.9947647303983219,
  "efc": 0.42377123954056745,
  "fber": 169275.96875,
  "fd_mean": 0.1007478993098305,
  "fd_num": 9,
  "fd_perc": 1.8828451882845187,
  "fwhm_avg": 1.8615661699525363,
  "fwhm_x": 1.8571233333333332,
  "fwhm_y": 1.9967933333333334,
  "fwhm_z": 1.730781843190942,
  "gcor": 0.00840783,
  "gsr_x": -0.022156283259391785,
  "gsr_y": 0.015097815543413162,
  "provenance": {
    "md5sum": "e3a129199cd31cdf7def3dd45d386ecf",
    "settings": {
      "fd_thres": 0.2,
      "testing": false
    },
    "software": "mriqc",
    "version": "22.0.0rc1",
    "webapi_port": null,
    "webapi_url": "https://mriqc.nimh.nih.gov/api/v1"
  },
  "size_t": 478,
  "size_x": 80,
  "size_y": 80,
  "size_z": 36,
  "snr": 6.33387532415398,
  "spacing_tr": 0.75,
  "spacing_x": 3.0,
  "spacing_y": 3.0,
  "spacing_z": 3.299999952316284,
  "summary_bg_k": 54.04712218388689,
  "summary_bg_mad": 49.94390526133218,
  "summary_bg_mean": 446.408203125,
  "summary_bg_median": 42.368080139160156,
  "summary_bg_n": 157725.0,
  "summary_bg_p05": 1.7664708375930795,
  "summary_bg_p95": 2496.6821289062495,
  "summary_bg_stdv": 1265.6636962890625,
  "summary_fg_k": 1.0716060190935588,
  "summary_fg_mad": 2620.1121203361417,
  "summary_fg_mean": 17769.998046875,
  "summary_fg_median": 17761.611328125,
  "summary_fg_n": 32730.0,
  "summary_fg_p05": 13148.658837890625,
  "summary_fg_p95": 22209.8107421875,
  "summary_fg_stdv": 2804.18212890625,
  "tsnr": 49.67793273925781
}