{
  "aor": 0.0006274747474747475,
  "aqi": 0.0033525508080808077,
  "bids_meta": {
    "AcquisitionNumber": 9,
    "BidsifyVersion": "0.3.5",
    "ConversionSoftware": "dcm2niix",
    "ConversionSoftwareVersion": "v1.0.20181125  GCC6.3.0",
    "EchoTime": 0.02762,
    "EffectiveEchoSpacing": 0.0006621159151938905,
    "ImageComments": "piop",
    "ImageOrientationPatientDICOM": [
      0.9991,
      -0.0244886,
      0.0346254,
      0.0319216,
      0.971757,
      -0.233816
    ],
    "Manufacturer": "Philips",
    "NumberOfVolumesDiscardedByScanner": 2,
    "ParallelAcquisitionTechnique": "SENSE",
    "ParallelReductionFactorInPlane": 2,
    "PatientPosition": "HFS",
    "PhaseEncodingDirection": "j",
    "PhilipsRescaleIntercept": 0,
    "PhilipsRescaleSlope": 0.81538,
    "PhilipsScaleSlope": 0.0560255,
    "ProtocolName": "WIPpiopanticipatieSENSE",
    "PulseSequenceType": "gradient echo EPI",
    "ReconMatrixPE": 80,
    "RepetitionTime": 2,
    "SeriesDescription": "ImageMRSERIES",
    "SeriesNumber": 9,
    "SliceEncodingDirection": "k",
    "SliceTiming": [
      0.0,
      0.0541,
      0.1081,
      0.1622,
      0.2162,
      0.2703,
      0.3243,
      0.3784,
      0.4324,
      0.4865,
      0.5405,
      0.5946,
      0.6486,
      0.7027,
      0.7568,
      0.8108,
      0.8649,
      0.9189,
      0.973,
      1.027,
      1.0811,
      1.1351,
      1.1892,
      1.2432,
      1.2973,
      1.3514,
      1.4054,
      1.4595,
      1.5135,
      1.5676,
      1.6216,
      1.6757,
      1.7297,
      1.7838,
      1.8378,
      1.8919,
      1.9459
    ],
    "TaskName": "anticipation",
    "TotalReadoutTime": 0.025822520692561732,
    "UsePhilipsFloatNotDisplayScaling": 1,
    "acq_id": "seq",
    "dataset": "ds002785",
    "modality": "bold",
    "subject_id": "0096",
    "task_id": "anticipation"
  },
  "dummy_trs": 2,
  "dvars_nstd": 24.366591264974634,
  "dvars_std": 1.352135066497462,
  "dvars_vstd": 1.0012978599492386,
  "efc": 0.41684149838789064,
  "fber": 156573.203125,
  "fd_mean": 0.09817971187419579,
  "fd_num": 2,
  "fd_perc": 1.0101010101010102,
  "fwhm_avg": 1.9046174833108396,
  "fwhm_x": 1.8655233333333332,
  "fwhm_y": 2.07042,
  "fwhm_z": 1.7779091165991856,
  "gcor": 0.0151174,
  "gsr_x": -0.020228572189807892,
  "gsr_y": 0.01740930788218975,
  "provenance": {
    "md5sum": "c1a3feac496fcb5c041e6dc99550966f",
    "settings": {
      "fd_thres": 0.2,
      "testing": false
    },
    "software": "mriqc",
    "version": "22.0.0rc1",
    "webapi_port": null,
    "webapi_url": "https://mriqc.nimh.nih.gov/api/v1"
  },
  "size_t": 198,
  "size_x": 80,
  "size_y": 80,
  "size_z": 37,
  "snr": 5.08832611559868,
  "spacing_tr": 2.0,
  "spacing_x": 3.0,
  "spacing_y": 3.0,
  "spacing_z": 3.299999952316284,
  "summary_bg_k": 82.44003092258602,
  "summary_bg_mad": 63.74781058185113,
  "summary_bg_mean": 585.1119384765625,
  "summary_bg_median": 60.313720703125,
  "summary_bg_n": 162652.0,
  "summary_bg_p05": 2.8307262659072876,
  "summary_bg_p95": 3259.549853515621,
  "summary_bg_stdv": 1792.11181640625,
  "summary_fg_k": 1.5277940606488274,
  "summary_fg_mad": 4477.518061889807,
  "summary_fg_mean": 24628.484375,
  "summary_fg_median": 24274.015625,
  "summary_fg_n": 33518.0,
  "summary_fg_p05": 17437.93251953125,
  "summary_fg_p95": 32330.065039062498,
  "summary_fg_stdv": 4770.45947265625,
  "tsnr": 82.24105072021484
}