{
  "aor": 0.007768888888888889,
  "aqi": 0.0046594630246913574,
  "bids_meta": {
    "AcquisitionNumber": 8,
    "BidsifyVersion": "0.3.5",
    "ConversionSoftware": "dcm2niix",
    "ConversionSoftwareVersion": "v1.0.20181125  GCC6.3.0",
    "EchoTime": 0.02762,
    "EffectiveEchoSpacing": 0.0006621159151938905,
    "ImageComments": "piop",
    "ImageOrientationPatientDICOM": [
      0.99832,
      0.0393019,
      0.0425849,
      -0.0371302,
      0.998026,
      -0.0506418
    ],
    "Manufacturer": "Philips",
    "NumberOfVolumesDiscardedByScanner": 2,
    "ParallelAcquisitionTechnique": "SENSE",
    "ParallelReductionFactorInPlane": 2,
    "PatientPosition": "HFS",
    "PhaseEncodingDirection": "j",
    "PhilipsRescaleIntercept": 0,
    "PhilipsRescaleSlope": 0.82442,
    "PhilipsScaleSlope": 0.0534002,
    "ProtocolName": "WIPpiopwmSENSE",
    "PulseSequenceType": "gradient echo EPI",
    "ReconMatrixPE": 80,
    "RepetitionTime": 2,
    "SeriesDescription": "ImageMRSERIES",
    "SeriesNumber": 8,
    "SliceEncodingDirection": "k",
    "SliceTiming": [
      0.0,
      0.0541,
      0.1081,
      0.1622,
      0.2162,
      0.2703,
      0.3243,
      0.3784,
      0.4324,
      0.4865,
      0.5405,
      0.5946,
      0.6486,
      0.7027,
      0.7568,
      0.8108,
      0.8649,
      0.9189,
      0.973,
      1.027,
      1.0811,
      1.1351,
      1.1892,
      1.2432,
      1.2973,
      1.3514,
      1.4054,
      1.4595,
      1.5135,
      1.5676,
      1.6216,
      1.6757,
      1.7297,
      1.7838,
      1.8378,
      1.8919,
      1.9459
    ],
    "TaskName": "workingmemory",
    "TotalReadoutTime": 0.025822520692561732,
    "UsePhilipsFloatNotDisplayScaling": 1,
    "acq_id": "seq",
    "dataset": "ds002785",
    "modality": "bold",
    "subject_id": "0060",
    "task_id": "workingmemory"
  },
  "dummy_trs": 0,
  "dvars_nstd": 19.88794566701864,
  "dvars_std": 1.3173278163975153,
  "dvars_vstd": 1.0764342767080743,
  "efc": 0.43388680831998094,
  "fber": 174513.6875,
  "fd_mean": 0.11750350452740947,
  "fd_num": 13,
  "fd_perc": 8.024691358024691,
  "fwhm_avg": 1.967522130329198,
  "fwhm_x": 1.9033,
  "fwhm_y": 2.1063966666666665,
  "fwhm_z": 1.892869724320928,
  "gcor": 0.024839,
  "gsr_x": -0.02089906856417656,
  "gsr_y": 0.01696898601949215,
  "provenance": {
    "md5sum": "6ba8e915e663e29fb392a6af3661b487",
    "settings": {
      "fd_thres": 0.2,
      "testing": false
    },
    "software": "mriqc",
    "version": "22.0.0rc1",
    "webapi_port": null,
    "webapi_url": "https://mriqc.nimh.nih.gov/api/v1"
  },
  "size_t": 162,
  "size_x": 80,
  "size_y": 80,
  "size_z": 37,
  "snr": 5.324477129843474,
  "spacing_tr": 2.0,
  "spacing_x": 3.0,
  "spacing_y": 3.0,
  "spacing_z": 3.299999952316284,
  "summary_bg_k": 39.14983943559017,
  "summary_bg_mad": 67.91085028360152,
  "summary_bg_mean": 719.2183227539062,
  "summary_bg_median": 61.27198028564453,
  "summary_bg_n": 159464.0,
  "summary_bg_p05": 3.694295418262482,
  "summary_bg_p95": 4358.944750976567,
  "summary_bg_stdv": 2019.5989990234375,
  "summary_fg_k": 1.0674453658360852,
  "summary_fg_mad": 4876.618942291242,
  "summary_fg_mean": 26978.197265625,
  "summary_fg_median": 26581.34375,
  "summary_fg_n": 36078.0,
  "summary_fg_p05": 19602.87509765625,
  "summary_fg_p95": 35277.524609375,
  "summary_fg_stdv": 4992.22265625,
  "tsnr": 76.92355346679688
}