{
  "aor": 0.000671795918367347,
  "aqi": 0.00411630236734694,
  "bids_meta": {
    "AcquisitionNumber": 3,
    "BidsifyVersion": "0.3.5",
    "ConversionSoftware": "dcm2niix",
    "ConversionSoftwareVersion": "v1.0.20181125  GCC6.3.0",
    "EchoTime": 0.02762,
    "EffectiveEchoSpacing": 0.0006621159151938905,
    "ImageComments": "piop",
    "ImageOrientationPatientDICOM": [
      0.99832,
      0.0393019,
      0.0425849,
      -0.0371302,
      0.998026,
      -0.0506418
    ],
    "Manufacturer": "Philips",
    "NumberOfVolumesDiscardedByScanner": 2,
    "ParallelAcquisitionTechnique": "SENSE",
    "ParallelReductionFactorInPlane": 2,
    "PatientPosition": "HFS",
    "PhaseEncodingDirection": "j",
    "PhilipsRescaleIntercept": 0,
    "PhilipsRescaleSlope": 0.82711,
    "PhilipsScaleSlope": 0.0528676,
    "ProtocolName": "WIPpiopgstroopSENSE",
    "PulseSequenceType": "gradient echo EPI",
    "ReconMatrixPE": 80,
    "RepetitionTime": 2,
    "SeriesDescription": "ImageMRSERIES",
    "SeriesNumber": 3,
    "SliceEncodingDirection": "k",
    "SliceTiming": [
      0.0,
      0.0541,
      0.1081,
      0.1622,
      0.2162,
      0.2703,
      0.3243,
      0.3784,
      0.4324,
      0.4865,
      0.5405,
      0.5946,
      0.6486,
      0.7027,
      0.7568,
      0.8108,
      0.8649,
      0.9189,
      0.973,
      1.027,
      1.0811,
      1.1351,
      1.1892,
      1.2432,
      1.2973,
      1.3514,
      1.4054,
      1.4595,
      1.5135,
      1.5676,
      1.6216,
      1.6757,
      1.7297,
      1.7838,
      1.8378,
      1.8919,
      1.9459
    ],
    "TaskName": "gstroop",
    "TotalReadoutTime": 0.025822520692561732,
    "UsePhilipsFloatNotDisplayScaling": 1,
    "acq_id": "seq",
    "dataset": "ds002785",
    "modality": "bold",
    "subject_id": "0060",
    "task_id": "gstroop"
  },
  "dummy_trs": 0,
  "dvars_nstd": 18.571096807172133,
  "dvars_std": 1.176271780819674,
  "dvars_vstd": 0.9844036444672128,
  "efc": 0.4314701006045334,
  "fber": 173301.25,
  "fd_mean": 0.13241627458801566,
  "fd_num": 29,
  "fd_perc": 11.83673469387755,
  "fwhm_avg": 1.8950524330420475,
  "fwhm_x": 1.8246933333333333,
  "fwhm_y": 2.0335033333333334,
  "fwhm_z": 1.8269606324594763,
  "gcor": 0.0498042,
  "gsr_x": -0.02048717811703682,
  "gsr_y": 0.01760478876531124,
  "provenance": {
    "md5sum": "e7bfc1091591c1d8f6d89911983452fe",
    "settings": {
      "fd_thres": 0.2,
      "testing": false
    },
    "software": "mriqc",
    "version": "22.0.0rc1",
    "webapi_port": null,
    "webapi_url": "https://mriqc.nimh.nih.gov/api/v1"
  },
  "size_t": 245,
  "size_x": 80,
  "size_y": 80,
  "size_z": 37,
  "snr": 5.544493653044733,
  "spacing_tr": 2.0,
  "spacing_x": 3.0,
  "spacing_y": 3.0,
  "spacing_z": 3.299999952316284,
  "summary_bg_k": 49.66195944356089,
  "summary_bg_mad": 66.02405862924006,
  "summary_bg_mean": 676.959716796875,
  "summary_bg_median": 60.9961051940918,
  "summary_bg_n": 159607.0,
  "summary_bg_p05": 3.3253549098968507,
  "summary_bg_p95": 4019.384008789037,
  "summary_bg_stdv": 1972.057373046875,
  "summary_fg_k": 1.3434740854480482,
  "summary_fg_mad": 4687.1151591161215,
  "summary_fg_mean": 26776.681640625,
  "summary_fg_median": 26423.08203125,
  "summary_fg_n": 35992.0,
  "summary_fg_p05": 19872.1578125,
  "summary_fg_p95": 34605.89726562499,
  "summary_fg_stdv": 4765.57763671875,
  "tsnr": 84.01029968261719
}