{
  "aor": 0.00111325,
  "aqi": 0.010549250520833333,
  "bids_meta": {
    "AcquisitionNumber": 6,
    "BidsifyVersion": "0.3.5",
    "ConversionSoftware": "dcm2niix",
    "ConversionSoftwareVersion": "v1.0.20181125  GCC6.3.0",
    "EchoTime": 0.02763,
    "EffectiveEchoSpacing": 0.0006333282667071997,
    "ImageComments": "piop",
    "ImageOrientationPatientDICOM": [
      0.99832,
      0.0393019,
      0.0425849,
      -0.0371302,
      0.998026,
      -0.0506418
    ],
    "Manufacturer": "Philips",
    "NumberOfVolumesDiscardedByScanner": 2,
    "ParallelAcquisitionTechnique": "SENSE",
    "ParallelReductionFactorInPlane": 2,
    "PatientPosition": "HFS",
    "PhaseEncodingDirection": "j",
    "PhilipsRescaleIntercept": 0,
    "PhilipsRescaleSlope": 0.77485,
    "PhilipsScaleSlope": 0.0872423,
    "ProtocolName": "WIPpioprsSENSE",
    "PulseSequenceType": "gradient echo EPI",
    "ReconMatrixPE": 80,
    "RepetitionTime": 0.75,
    "SeriesDescription": "ImageMRSERIES",
    "SeriesNumber": 6,
    "SliceEncodingDirection": "k",
    "SliceTiming": [
      0.0,
      0.06755050505050506,
      0.1351010101010101,
      0.20265151515151517,
      0.2702020202020202,
      0.3377525252525253,
      0.40530303030303033,
      0.47285353535353536,
      0.5404040404040404,
      0.6079545454545455,
      0.6755050505050506,
      0.7430555555555556,
      0.0,
      0.06755050505050506,
      0.1351010101010101,
      0.20265151515151517,
      0.2702020202020202,
      0.3377525252525253,
      0.40530303030303033,
      0.47285353535353536,
      0.5404040404040404,
      0.6079545454545455,
      0.6755050505050506,
      0.7430555555555556,
      0.0,
      0.06755050505050506,
      0.1351010101010101,
      0.20265151515151517,
      0.2702020202020202,
      0.3377525252525253,
      0.40530303030303033,
      0.47285353535353536,
      0.5404040404040404,
      0.6079545454545455,
      0.6755050505050506,
      0.7430555555555556
    ],
    "TaskName": "restingstate",
    "TotalReadoutTime": 0.024699802401580786,
    "UsePhilipsFloatNotDisplayScaling": 1,
    "acq_id": "mb3",
    "dataset": "ds002785",
    "modality": "bold",
    "subject_id": "0060",
    "task_id": "restingstate"
  },
  "dummy_trs": 0,
  "dvars_nstd": 29.262298599979097,
  "dvars_std": 1.2187672972233838,
  "dvars_vstd": 1.0096440149269306,
  "efc": 0.443029516774995,
  "fber": 174466.96875,
  "fd_mean": 0.08607771487675242,
  "fd_num": 8,
  "fd_perc": 1.6666666666666667,
  "fwhm_avg": 1.8195829375995876,
  "fwhm_x": 1.7631866666666667,
  "fwhm_y": 1.97095,
  "fwhm_z": 1.7246121461320958,
  "gcor": 0.0205074,
  "gsr_x": -0.021866943687200546,
  "gsr_y": 0.016439596191048622,
  "provenance": {
    "md5sum": "8c2b790c9da23266aaf21804b7e7969f",
    "settings": {
      "fd_thres": 0.2,
      "testing": false
    },
    "software": "mriqc",
    "version": "22.0.0rc1",
    "webapi_port": null,
    "webapi_url": "https://mriqc.nimh.nih.gov/api/v1"
  },
  "size_t": 480,
  "size_x": 80,
  "size_y": 80,
  "size_z": 36,
  "snr": 7.225391270567135,
  "spacing_tr": 0.75,
  "spacing_x": 3.0,
  "spacing_y": 3.0,
  "spacing_z": 3.299999952316284,
  "summary_bg_k": 30.268416108508845,
  "summary_bg_mad": 48.478223419364724,
  "summary_bg_mean": 526.9405517578125,
  "summary_bg_median": 43.253021240234375,
  "summary_bg_n": 154061.0,
  "summary_bg_p05": 1.9184263944625854,
  "summary_bg_p95": 3139.73095703125,
  "summary_bg_stdv": 1439.8392333984375,
  "summary_fg_k": 0.8207436838584701,
  "summary_fg_mad": 2538.818753086587,
  "summary_fg_mean": 18632.91796875,
  "summary_fg_median": 18599.4765625,
  "summary_fg_n": 35628.0,
  "summary_fg_p05": 14488.749462890624,
  "summary_fg_p95": 22693.72265625,
  "summary_fg_stdv": 2574.146484375,
  "tsnr": 55.921592712402344
}