{
  "aor": 0.0018471604938271606,
  "aqi": 0.0044635791975308646,
  "bids_meta": {
    "AcquisitionNumber": 8,
    "BidsifyVersion": "0.3.5",
    "ConversionSoftware": "dcm2niix",
    "ConversionSoftwareVersion": "v1.0.20181125  GCC6.3.0",
    "EchoTime": 0.02762,
    "EffectiveEchoSpacing": 0.0006621159151938905,
    "ImageComments": "Piop",
    "ImageOrientationPatientDICOM": [
      0.997788,
      0.0407164,
      -0.0525425,
      -0.0529904,
      0.964443,
      -0.258925
    ],
    "Manufacturer": "Philips",
    "NumberOfVolumesDiscardedByScanner": 2,
    "ParallelAcquisitionTechnique": "SENSE",
    "ParallelReductionFactorInPlane": 2,
    "PatientPosition": "HFS",
    "PhaseEncodingDirection": "j",
    "PhilipsRescaleIntercept": 0,
    "PhilipsRescaleSlope": 0.85348,
    "PhilipsScaleSlope": 0.0480918,
    "ProtocolName": "WIPpiopwmSENSE",
    "PulseSequenceType": "gradient echo EPI",
    "ReconMatrixPE": 80,
    "RepetitionTime": 2,
    "SeriesDescription": "ImageMRSERIES",
    "SeriesNumber": 8,
    "SliceEncodingDirection": "k",
    "SliceTiming": [
      0.0,
      0.0541,
      0.1081,
      0.1622,
      0.2162,
      0.2703,
      0.3243,
      0.3784,
      0.4324,
      0.4865,
      0.5405,
      0.5946,
      0.6486,
      0.7027,
      0.7568,
      0.8108,
      0.8649,
      0.9189,
      0.973,
      1.027,
      1.0811,
      1.1351,
      1.1892,
      1.2432,
      1.2973,
      1.3514,
      1.4054,
      1.4595,
      1.5135,
      1.5676,
      1.6216,
      1.6757,
      1.7297,
      1.7838,
      1.8378,
      1.8919,
      1.9459
    ],
    "TaskName": "workingmemory",
    "TotalReadoutTime": 0.025822520692561732,
    "UsePhilipsFloatNotDisplayScaling": 1,
    "acq_id": "seq",
    "dataset": "ds002785",
    "modality": "bold",
    "subject_id": "0073",
    "task_id": "workingmemory"
  },
  "dummy_trs": 0,
  "dvars_nstd": 21.931990973167704,
  "dvars_std": 1.2434544524223599,
  "dvars_vstd": 1.017401888260869,
  "efc": 0.4099418201583796,
  "fber": 167493.46875,
  "fd_mean": 0.14827163076429756,
  "fd_num": 32,
  "fd_perc": 19.753086419753085,
  "fwhm_avg": 1.8720235440728832,
  "fwhm_x": 1.84555,
  "fwhm_y": 1.9602266666666666,
  "fwhm_z": 1.8102939655519825,
  "gcor": 0.0342621,
  "gsr_x": -0.02284693717956543,
  "gsr_y": 0.010161369107663631,
  "provenance": {
    "md5sum": "e8c4de77274b142780238d365153b8d2",
    "settings": {
      "fd_thres": 0.2,
      "testing": false
    },
    "software": "mriqc",
    "version": "22.0.0rc1",
    "webapi_port": null,
    "webapi_url": "https://mriqc.nimh.nih.gov/api/v1"
  },
  "size_t": 162,
  "size_x": 80,
  "size_y": 80,
  "size_z": 37,
  "snr": 5.0452915933949996,
  "spacing_tr": 2.0,
  "spacing_x": 3.0,
  "spacing_y": 3.0,
  "spacing_z": 3.299999952316284,
  "summary_bg_k": 81.78285479933247,
  "summary_bg_mad": 61.61792866953993,
  "summary_bg_mean": 602.1490478515625,
  "summary_bg_median": 61.36924743652344,
  "summary_bg_n": 163714.0,
  "summary_bg_p05": 6.50826485157013,
  "summary_bg_p95": 3026.1025878906253,
  "summary_bg_stdv": 1856.8717041015625,
  "summary_fg_k": 2.340933987934883,
  "summary_fg_mad": 4420.675324488899,
  "summary_fg_mean": 26214.6796875,
  "summary_fg_median": 25579.775390625,
  "summary_fg_n": 32312.0,
  "summary_fg_p05": 19254.6841796875,
  "summary_fg_p95": 34809.320703125,
  "summary_fg_stdv": 5069.95068359375,
  "tsnr": 74.11007690429688
}