{
  "aor": 0.0009054375,
  "aqi": 0.007450507458333333,
  "bids_meta": {
    "AcquisitionNumber": 6,
    "BidsifyVersion": "0.3.5",
    "ConversionSoftware": "dcm2niix",
    "ConversionSoftwareVersion": "v1.0.20181125  GCC6.3.0",
    "EchoTime": 0.02762,
    "EffectiveEchoSpacing": 0.0006333282667071997,
    "ImageComments": "Piop",
    "ImageOrientationPatientDICOM": [
      0.997788,
      0.0407164,
      -0.0525425,
      -0.0529904,
      0.964443,
      -0.258925
    ],
    "Manufacturer": "Philips",
    "NumberOfVolumesDiscardedByScanner": 2,
    "ParallelAcquisitionTechnique": "SENSE",
    "ParallelReductionFactorInPlane": 2,
    "PatientPosition": "HFS",
    "PhaseEncodingDirection": "j",
    "PhilipsRescaleIntercept": 0,
    "PhilipsRescaleSlope": 0.81905,
    "PhilipsScaleSlope": 0.0928679,
    "ProtocolName": "WIPpioprsSENSE",
    "PulseSequenceType": "gradient echo EPI",
    "ReconMatrixPE": 80,
    "RepetitionTime": 0.75,
    "SeriesDescription": "ImageMRSERIES",
    "SeriesNumber": 6,
    "SliceEncodingDirection": "k",
    "SliceTiming": [
      0.0,
      0.06755050505050506,
      0.1351010101010101,
      0.20265151515151517,
      0.2702020202020202,
      0.3377525252525253,
      0.40530303030303033,
      0.47285353535353536,
      0.5404040404040404,
      0.6079545454545455,
      0.6755050505050506,
      0.7430555555555556,
      0.0,
      0.06755050505050506,
      0.1351010101010101,
      0.20265151515151517,
      0.2702020202020202,
      0.3377525252525253,
      0.40530303030303033,
      0.47285353535353536,
      0.5404040404040404,
      0.6079545454545455,
      0.6755050505050506,
      0.7430555555555556,
      0.0,
      0.06755050505050506,
      0.1351010101010101,
      0.20265151515151517,
      0.2702020202020202,
      0.3377525252525253,
      0.40530303030303033,
      0.47285353535353536,
      0.5404040404040404,
      0.6079545454545455,
      0.6755050505050506,
      0.7430555555555556
    ],
    "TaskName": "restingstate",
    "TotalReadoutTime": 0.024699802401580786,
    "UsePhilipsFloatNotDisplayScaling": 1,
    "acq_id": "mb3",
    "dataset": "ds002785",
    "modality": "bold",
    "subject_id": "0073",
    "task_id": "restingstate"
  },
  "dummy_trs": 0,
  "dvars_nstd": 25.46911557375785,
  "dvars_std": 1.1182784530062646,
  "dvars_vstd": 1.0099919050730697,
  "efc": 0.41662159587880343,
  "fber": 160508.21875,
  "fd_mean": 0.10827139159302174,
  "fd_num": 37,
  "fd_perc": 7.708333333333333,
  "fwhm_avg": 1.8887759683388792,
  "fwhm_x": 1.84612,
  "fwhm_y": 2.00502,
  "fwhm_z": 1.8151879050166377,
  "gcor": 0.0265443,
  "gsr_x": -0.022798240184783936,
  "gsr_y": 0.011539291590452194,
  "provenance": {
    "md5sum": "96f0ed2cc60babeed5a56028c463a932",
    "settings": {
      "fd_thres": 0.2,
      "testing": false
    },
    "software": "mriqc",
    "version": "22.0.0rc1",
    "webapi_port": null,
    "webapi_url": "https://mriqc.nimh.nih.gov/api/v1"
  },
  "size_t": 480,
  "size_x": 80,
  "size_y": 80,
  "size_z": 36,
  "snr": 6.193193280847096,
  "spacing_tr": 0.75,
  "spacing_x": 3.0,
  "spacing_y": 3.0,
  "spacing_z": 3.299999952316284,
  "summary_bg_k": 57.9770336770318,
  "summary_bg_mad": 45.456045089765205,
  "summary_bg_mean": 405.78057861328125,
  "summary_bg_median": 42.876346588134766,
  "summary_bg_n": 158299.0,
  "summary_bg_p05": 3.655054736137391,
  "summary_bg_p95": 2079.554760742188,
  "summary_bg_stdv": 1179.5855712890625,
  "summary_fg_k": 1.1531326158954922,
  "summary_fg_mad": 2566.413397307777,
  "summary_fg_mean": 17602.671875,
  "summary_fg_median": 17543.1640625,
  "summary_fg_n": 31806.0,
  "summary_fg_p05": 13058.77685546875,
  "summary_fg_p95": 22216.57275390625,
  "summary_fg_stdv": 2832.60791015625,
  "tsnr": 53.13984298706055
}