{
  "aor": 0.0020019,
  "aqi": 0.0064137998,
  "bids_meta": {
    "AcquisitionNumber": 9,
    "BidsifyVersion": "0.3.5",
    "ConversionSoftware": "dcm2niix",
    "ConversionSoftwareVersion": "v1.0.20181125  GCC6.3.0",
    "EchoTime": 0.02762,
    "EffectiveEchoSpacing": 0.0006621159151938905,
    "ImageComments": "Piop",
    "ImageOrientationPatientDICOM": [
      0.997788,
      0.0407164,
      -0.0525425,
      -0.0529904,
      0.964443,
      -0.258925
    ],
    "Manufacturer": "Philips",
    "NumberOfVolumesDiscardedByScanner": 2,
    "ParallelAcquisitionTechnique": "SENSE",
    "ParallelReductionFactorInPlane": 2,
    "PatientPosition": "HFS",
    "PhaseEncodingDirection": "j",
    "PhilipsRescaleIntercept": 0,
    "PhilipsRescaleSlope": 0.88987,
    "PhilipsScaleSlope": 0.0463036,
    "ProtocolName": "WIPpiopanticipatieSENSE",
    "PulseSequenceType": "gradient echo EPI",
    "ReconMatrixPE": 80,
    "RepetitionTime": 2,
    "SeriesDescription": "ImageMRSERIES",
    "SeriesNumber": 9,
    "SliceEncodingDirection": "k",
    "SliceTiming": [
      0.0,
      0.0541,
      0.1081,
      0.1622,
      0.2162,
      0.2703,
      0.3243,
      0.3784,
      0.4324,
      0.4865,
      0.5405,
      0.5946,
      0.6486,
      0.7027,
      0.7568,
      0.8108,
      0.8649,
      0.9189,
      0.973,
      1.027,
      1.0811,
      1.1351,
      1.1892,
      1.2432,
      1.2973,
      1.3514,
      1.4054,
      1.4595,
      1.5135,
      1.5676,
      1.6216,
      1.6757,
      1.7297,
      1.7838,
      1.8378,
      1.8919,
      1.9459
    ],
    "TaskName": "anticipation",
    "TotalReadoutTime": 0.025822520692561732,
    "UsePhilipsFloatNotDisplayScaling": 1,
    "acq_id": "seq",
    "dataset": "ds002785",
    "modality": "bold",
    "subject_id": "0073",
    "task_id": "anticipation"
  },
  "dummy_trs": 0,
  "dvars_nstd": 23.66098157160806,
  "dvars_std": 1.1621824056281411,
  "dvars_vstd": 0.96967332879397,
  "efc": 0.4095964024476664,
  "fber": 166430.078125,
  "fd_mean": 0.19972178652973369,
  "fd_num": 63,
  "fd_perc": 31.5,
  "fwhm_avg": 1.875244352138643,
  "fwhm_x": 1.8531833333333332,
  "fwhm_y": 1.96538,
  "fwhm_z": 1.8071697230825963,
  "gcor": 0.0317442,
  "gsr_x": -0.02292599342763424,
  "gsr_y": 0.010036973282694817,
  "provenance": {
    "md5sum": "6ba4a73b5fc83c3054d79c366b17eaf1",
    "settings": {
      "fd_thres": 0.2,
      "testing": false
    },
    "software": "mriqc",
    "version": "22.0.0rc1",
    "webapi_port": null,
    "webapi_url": "https://mriqc.nimh.nih.gov/api/v1"
  },
  "size_t": 200,
  "size_x": 80,
  "size_y": 80,
  "size_z": 37,
  "snr": 4.954074328295541,
  "spacing_tr": 2.0,
  "spacing_x": 3.0,
  "spacing_y": 3.0,
  "spacing_z": 3.299999952316284,
  "summary_bg_k": 85.77257750369456,
  "summary_bg_mad": 62.03440153241802,
  "summary_bg_mean": 602.1224365234375,
  "summary_bg_median": 61.82632064819336,
  "summary_bg_n": 163685.0,
  "summary_bg_p05": 6.4122653961181655,
  "summary_bg_p95": 3026.873291015625,
  "summary_bg_stdv": 1858.342529296875,
  "summary_fg_k": 2.7397408501438028,
  "summary_fg_mad": 4486.154509383348,
  "summary_fg_mean": 26433.015625,
  "summary_fg_median": 25739.2265625,
  "summary_fg_n": 32279.0,
  "summary_fg_p05": 19414.74296875,
  "summary_fg_p95": 35170.49843749999,
  "summary_fg_stdv": 5195.48681640625,
  "tsnr": 66.24781036376953
}