{
  "aor": 0.00059010101010101,
  "aqi": 0.0035218126767676762,
  "bids_meta": {
    "AcquisitionNumber": 9,
    "BidsifyVersion": "0.3.5",
    "ConversionSoftware": "dcm2niix",
    "ConversionSoftwareVersion": "v1.0.20181125  GCC6.3.0",
    "EchoTime": 0.02762,
    "EffectiveEchoSpacing": 0.0006621159151938905,
    "ImageComments": "piop",
    "ImageOrientationPatientDICOM": [
      0.998719,
      -0.0326734,
      0.0386293,
      0.0367959,
      0.993101,
      -0.111336
    ],
    "Manufacturer": "Philips",
    "NumberOfVolumesDiscardedByScanner": 2,
    "ParallelAcquisitionTechnique": "SENSE",
    "ParallelReductionFactorInPlane": 2,
    "PatientPosition": "HFS",
    "PhaseEncodingDirection": "j",
    "PhilipsRescaleIntercept": 0,
    "PhilipsRescaleSlope": 0.78388,
    "PhilipsScaleSlope": 0.0609172,
    "ProtocolName": "WIPpiopanticipatieSENSE",
    "PulseSequenceType": "gradient echo EPI",
    "ReconMatrixPE": 80,
    "RepetitionTime": 2,
    "SeriesDescription": "ImageMRSERIES",
    "SeriesNumber": 9,
    "SliceEncodingDirection": "k",
    "SliceTiming": [
      0.0,
      0.0541,
      0.1081,
      0.1622,
      0.2162,
      0.2703,
      0.3243,
      0.3784,
      0.4324,
      0.4865,
      0.5405,
      0.5946,
      0.6486,
      0.7027,
      0.7568,
      0.8108,
      0.8649,
      0.9189,
      0.973,
      1.027,
      1.0811,
      1.1351,
      1.1892,
      1.2432,
      1.2973,
      1.3514,
      1.4054,
      1.4595,
      1.5135,
      1.5676,
      1.6216,
      1.6757,
      1.7297,
      1.7838,
      1.8378,
      1.8919,
      1.9459
    ],
    "TaskName": "anticipation",
    "TotalReadoutTime": 0.025822520692561732,
    "UsePhilipsFloatNotDisplayScaling": 1,
    "acq_id": "seq",
    "dataset": "ds002785",
    "modality": "bold",
    "subject_id": "0068",
    "task_id": "anticipation"
  },
  "dummy_trs": 2,
  "dvars_nstd": 26.719251855279207,
  "dvars_std": 1.4668303239086287,
  "dvars_vstd": 1.0041890116243657,
  "efc": 0.40906461323271043,
  "fber": 198884.34375,
  "fd_mean": 0.08752152373308725,
  "fd_num": 4,
  "fd_perc": 2.0202020202020203,
  "fwhm_avg": 1.9169092457851569,
  "fwhm_x": 1.8764833333333335,
  "fwhm_y": 2.01032,
  "fwhm_z": 1.863924404022136,
  "gcor": 0.0141797,
  "gsr_x": -0.01763494312763214,
  "gsr_y": 0.01203305833041668,
  "provenance": {
    "md5sum": "541913909e6b7ae5e6f47637914c0115",
    "settings": {
      "fd_thres": 0.2,
      "testing": false
    },
    "software": "mriqc",
    "version": "22.0.0rc1",
    "webapi_port": null,
    "webapi_url": "https://mriqc.nimh.nih.gov/api/v1"
  },
  "size_t": 198,
  "size_x": 80,
  "size_y": 80,
  "size_z": 37,
  "snr": 5.41333980077533,
  "spacing_tr": 2.0,
  "spacing_x": 3.0,
  "spacing_y": 3.0,
  "spacing_z": 3.299999713897705,
  "summary_bg_k": 151.08696491610704,
  "summary_bg_mad": 57.56876535002348,
  "summary_bg_mean": 397.31585693359375,
  "summary_bg_median": 56.51647186279297,
  "summary_bg_n": 161110.0,
  "summary_bg_p05": 2.635637724399567,
  "summary_bg_p95": 1991.3691711425752,
  "summary_bg_stdv": 1378.142822265625,
  "summary_fg_k": 0.5352991150799498,
  "summary_fg_mad": 4530.513851932737,
  "summary_fg_mean": 26457.9765625,
  "summary_fg_median": 25996.55859375,
  "summary_fg_n": 34758.0,
  "summary_fg_p05": 19171.76533203125,
  "summary_fg_p95": 34811.44296875,
  "summary_fg_stdv": 4802.2451171875,
  "tsnr": 99.19600677490234
}