{
  "aor": 0.00045351851851851857,
  "aqi": 0.004500582222222222,
  "bids_meta": {
    "AcquisitionNumber": 8,
    "BidsifyVersion": "0.3.5",
    "ConversionSoftware": "dcm2niix",
    "ConversionSoftwareVersion": "v1.0.20181125  GCC6.3.0",
    "EchoTime": 0.02762,
    "EffectiveEchoSpacing": 0.0006621159151938905,
    "ImageComments": "piop",
    "ImageOrientationPatientDICOM": [
      0.998719,
      -0.0326734,
      0.0386293,
      0.0367959,
      0.993101,
      -0.111336
    ],
    "Manufacturer": "Philips",
    "NumberOfVolumesDiscardedByScanner": 2,
    "ParallelAcquisitionTechnique": "SENSE",
    "ParallelReductionFactorInPlane": 2,
    "PatientPosition": "HFS",
    "PhaseEncodingDirection": "j",
    "PhilipsRescaleIntercept": 0,
    "PhilipsRescaleSlope": 0.80415,
    "PhilipsScaleSlope": 0.0587244,
    "ProtocolName": "WIPpiopwmSENSE",
    "PulseSequenceType": "gradient echo EPI",
    "ReconMatrixPE": 80,
    "RepetitionTime": 2,
    "SeriesDescription": "ImageMRSERIES",
    "SeriesNumber": 8,
    "SliceEncodingDirection": "k",
    "SliceTiming": [
      0.0,
      0.0541,
      0.1081,
      0.1622,
      0.2162,
      0.2703,
      0.3243,
      0.3784,
      0.4324,
      0.4865,
      0.5405,
      0.5946,
      0.6486,
      0.7027,
      0.7568,
      0.8108,
      0.8649,
      0.9189,
      0.973,
      1.027,
      1.0811,
      1.1351,
      1.1892,
      1.2432,
      1.2973,
      1.3514,
      1.4054,
      1.4595,
      1.5135,
      1.5676,
      1.6216,
      1.6757,
      1.7297,
      1.7838,
      1.8378,
      1.8919,
      1.9459
    ],
    "TaskName": "workingmemory",
    "TotalReadoutTime": 0.025822520692561732,
    "UsePhilipsFloatNotDisplayScaling": 1,
    "acq_id": "seq",
    "dataset": "ds002785",
    "modality": "bold",
    "subject_id": "0068",
    "task_id": "workingmemory"
  },
  "dummy_trs": 0,
  "dvars_nstd": 25.076311365900622,
  "dvars_std": 1.3942003699378889,
  "dvars_vstd": 0.9652120683229812,
  "efc": 0.4085079312390716,
  "fber": 199252.6875,
  "fd_mean": 0.09100053678864259,
  "fd_num": 2,
  "fd_perc": 1.2345679012345678,
  "fwhm_avg": 1.9364603574193435,
  "fwhm_x": 1.90413,
  "fwhm_y": 2.0232266666666665,
  "fwhm_z": 1.8820244055913642,
  "gcor": 0.0089393,
  "gsr_x": -0.017520150169730186,
  "gsr_y": 0.011230087839066982,
  "provenance": {
    "md5sum": "5cb6083725282a7ef49d764d56e3da75",
    "settings": {
      "fd_thres": 0.2,
      "testing": false
    },
    "software": "mriqc",
    "version": "22.0.0rc1",
    "webapi_port": null,
    "webapi_url": "https://mriqc.nimh.nih.gov/api/v1"
  },
  "size_t": 162,
  "size_x": 80,
  "size_y": 80,
  "size_z": 37,
  "snr": 5.298926873667682,
  "spacing_tr": 2.0,
  "spacing_x": 3.0,
  "spacing_y": 3.0,
  "spacing_z": 3.299999713897705,
  "summary_bg_k": 146.84868104392527,
  "summary_bg_mad": 60.54515954720205,
  "summary_bg_mean": 399.1405334472656,
  "summary_bg_median": 57.65936279296875,
  "summary_bg_n": 161116.0,
  "summary_bg_p05": 3.1212225556373596,
  "summary_bg_p95": 1993.4094848632812,
  "summary_bg_stdv": 1370.7418212890625,
  "summary_fg_k": 0.6299990366743473,
  "summary_fg_mad": 4717.10744911255,
  "summary_fg_mean": 26994.73828125,
  "summary_fg_median": 26525.5703125,
  "summary_fg_n": 34744.0,
  "summary_fg_p05": 19435.01982421875,
  "summary_fg_p95": 35659.8220703125,
  "summary_fg_stdv": 5005.76611328125,
  "tsnr": 86.54183959960938
}