{
  "aor": 0.0008601481481481482,
  "aqi": 0.00403075562962963,
  "bids_meta": {
    "AcquisitionNumber": 5,
    "BidsifyVersion": "0.3.5",
    "ConversionSoftware": "dcm2niix",
    "ConversionSoftwareVersion": "v1.0.20181125  GCC6.3.0",
    "EchoTime": 0.02762,
    "EffectiveEchoSpacing": 0.0006621159151938905,
    "ImageComments": "piop",
    "ImageOrientationPatientDICOM": [
      0.998719,
      -0.0326734,
      0.0386293,
      0.0367959,
      0.993101,
      -0.111336
    ],
    "Manufacturer": "Philips",
    "NumberOfVolumesDiscardedByScanner": 2,
    "ParallelAcquisitionTechnique": "SENSE",
    "ParallelReductionFactorInPlane": 2,
    "PatientPosition": "HFS",
    "PhaseEncodingDirection": "j",
    "PhilipsRescaleIntercept": 0,
    "PhilipsRescaleSlope": 0.79634,
    "PhilipsScaleSlope": 0.0596909,
    "ProtocolName": "WIPpiopharririSENSE",
    "PulseSequenceType": "gradient echo EPI",
    "ReconMatrixPE": 80,
    "RepetitionTime": 2,
    "SeriesDescription": "ImageMRSERIES",
    "SeriesNumber": 5,
    "SliceEncodingDirection": "k",
    "SliceTiming": [
      0.0,
      0.0541,
      0.1081,
      0.1622,
      0.2162,
      0.2703,
      0.3243,
      0.3784,
      0.4324,
      0.4865,
      0.5405,
      0.5946,
      0.6486,
      0.7027,
      0.7568,
      0.8108,
      0.8649,
      0.9189,
      0.973,
      1.027,
      1.0811,
      1.1351,
      1.1892,
      1.2432,
      1.2973,
      1.3514,
      1.4054,
      1.4595,
      1.5135,
      1.5676,
      1.6216,
      1.6757,
      1.7297,
      1.7838,
      1.8378,
      1.8919,
      1.9459
    ],
    "TaskName": "emomatching",
    "TotalReadoutTime": 0.025822520692561732,
    "UsePhilipsFloatNotDisplayScaling": 1,
    "acq_id": "seq",
    "dataset": "ds002785",
    "modality": "bold",
    "subject_id": "0068",
    "task_id": "emomatching"
  },
  "dummy_trs": 0,
  "dvars_nstd": 23.10717341470148,
  "dvars_std": 1.3610070591791041,
  "dvars_vstd": 0.9846815392537313,
  "efc": 0.40849986338409133,
  "fber": 200674.859375,
  "fd_mean": 0.08215209221339378,
  "fd_num": 2,
  "fd_perc": 1.4814814814814814,
  "fwhm_avg": 1.9285328823961,
  "fwhm_x": 1.9013099999999998,
  "fwhm_y": 2.0118066666666667,
  "fwhm_z": 1.872481980521634,
  "gcor": 0.00705219,
  "gsr_x": -0.01742580160498619,
  "gsr_y": 0.012150722555816174,
  "provenance": {
    "md5sum": "fad7a7b6252a03a88b7cd8bcc928d5bd",
    "settings": {
      "fd_thres": 0.2,
      "testing": false
    },
    "software": "mriqc",
    "version": "22.0.0rc1",
    "webapi_port": null,
    "webapi_url": "https://mriqc.nimh.nih.gov/api/v1"
  },
  "size_t": 135,
  "size_x": 80,
  "size_y": 80,
  "size_z": 37,
  "snr": 5.401229999046589,
  "spacing_tr": 2.0,
  "spacing_x": 3.0,
  "spacing_y": 3.0,
  "spacing_z": 3.299999713897705,
  "summary_bg_k": 146.54977121842376,
  "summary_bg_mad": 57.564642360302976,
  "summary_bg_mean": 388.1799011230469,
  "summary_bg_median": 56.36946487426758,
  "summary_bg_n": 161017.0,
  "summary_bg_p05": 2.835402297973633,
  "summary_bg_p95": 1913.8719482421866,
  "summary_bg_stdv": 1352.4130859375,
  "summary_fg_k": 0.5308829408082616,
  "summary_fg_mad": 4541.620337887968,
  "summary_fg_mean": 26493.16796875,
  "summary_fg_median": 26030.470703125,
  "summary_fg_n": 34788.0,
  "summary_fg_p05": 19193.15595703125,
  "summary_fg_p95": 34882.888476562504,
  "summary_fg_stdv": 4819.29052734375,
  "tsnr": 89.91338348388672
}