{
  "aor": 0.00023958071278825998,
  "aqi": 0.008322001844863732,
  "bids_meta": {
    "AcquisitionNumber": 6,
    "BidsifyVersion": "0.3.5",
    "ConversionSoftware": "dcm2niix",
    "ConversionSoftwareVersion": "v1.0.20181125  GCC6.3.0",
    "EchoTime": 0.02762,
    "EffectiveEchoSpacing": 0.0006333282667071997,
    "ImageComments": "piop",
    "ImageOrientationPatientDICOM": [
      0.998719,
      -0.0326734,
      0.0386293,
      0.0367959,
      0.993101,
      -0.111336
    ],
    "Manufacturer": "Philips",
    "NumberOfVolumesDiscardedByScanner": 2,
    "ParallelAcquisitionTechnique": "SENSE",
    "ParallelReductionFactorInPlane": 2,
    "PatientPosition": "HFS",
    "PhaseEncodingDirection": "j",
    "PhilipsRescaleIntercept": 0,
    "PhilipsRescaleSlope": 0.77485,
    "PhilipsScaleSlope": 0.0913227,
    "ProtocolName": "WIPpioprsSENSE",
    "PulseSequenceType": "gradient echo EPI",
    "ReconMatrixPE": 80,
    "RepetitionTime": 0.75,
    "SeriesDescription": "ImageMRSERIES",
    "SeriesNumber": 6,
    "SliceEncodingDirection": "k",
    "SliceTiming": [
      0.0,
      0.06755050505050506,
      0.1351010101010101,
      0.20265151515151517,
      0.2702020202020202,
      0.3377525252525253,
      0.40530303030303033,
      0.47285353535353536,
      0.5404040404040404,
      0.6079545454545455,
      0.6755050505050506,
      0.7430555555555556,
      0.0,
      0.06755050505050506,
      0.1351010101010101,
      0.20265151515151517,
      0.2702020202020202,
      0.3377525252525253,
      0.40530303030303033,
      0.47285353535353536,
      0.5404040404040404,
      0.6079545454545455,
      0.6755050505050506,
      0.7430555555555556,
      0.0,
      0.06755050505050506,
      0.1351010101010101,
      0.20265151515151517,
      0.2702020202020202,
      0.3377525252525253,
      0.40530303030303033,
      0.47285353535353536,
      0.5404040404040404,
      0.6079545454545455,
      0.6755050505050506,
      0.7430555555555556
    ],
    "TaskName": "restingstate",
    "TotalReadoutTime": 0.024699802401580786,
    "UsePhilipsFloatNotDisplayScaling": 1,
    "acq_id": "mb3",
    "dataset": "ds002785",
    "modality": "bold",
    "subject_id": "0068",
    "task_id": "restingstate"
  },
  "dummy_trs": 3,
  "dvars_nstd": 22.849221049306728,
  "dvars_std": 1.0739921305462188,
  "dvars_vstd": 0.9787424063655468,
  "efc": 0.41292309382590664,
  "fber": 181405.125,
  "fd_mean": 0.07823817584802949,
  "fd_num": 2,
  "fd_perc": 0.4192872117400419,
  "fwhm_avg": 2.0487630866972393,
  "fwhm_x": 2.050473333333333,
  "fwhm_y": 2.144406666666667,
  "fwhm_z": 1.9514092600917177,
  "gcor": 0.00604086,
  "gsr_x": -0.01869513839483261,
  "gsr_y": 0.01055928785353899,
  "provenance": {
    "md5sum": "5a64d7f1972b783ff63f1563698d3ac9",
    "settings": {
      "fd_thres": 0.2,
      "testing": false
    },
    "software": "mriqc",
    "version": "22.0.0rc1",
    "webapi_port": null,
    "webapi_url": "https://mriqc.nimh.nih.gov/api/v1"
  },
  "size_t": 477,
  "size_x": 80,
  "size_y": 80,
  "size_z": 36,
  "snr": 6.090203419465592,
  "spacing_tr": 0.75,
  "spacing_x": 3.0,
  "spacing_y": 3.0,
  "spacing_z": 3.299999713897705,
  "summary_bg_k": 103.89336033810191,
  "summary_bg_mad": 45.788214407000275,
  "summary_bg_mean": 289.83050537109375,
  "summary_bg_median": 42.579071044921875,
  "summary_bg_n": 156247.0,
  "summary_bg_p05": 1.9356019973754883,
  "summary_bg_p95": 1439.6747680664034,
  "summary_bg_stdv": 941.237060546875,
  "summary_fg_k": 0.2554159752343268,
  "summary_fg_mad": 2983.314191453653,
  "summary_fg_mean": 18799.697265625,
  "summary_fg_median": 18753.53515625,
  "summary_fg_n": 33940.0,
  "summary_fg_p05": 13787.804150390624,
  "summary_fg_p95": 23877.371875,
  "summary_fg_stdv": 3079.25,
  "tsnr": 56.6728401184082
}