{
  "aor": 0.0010101515151515151,
  "aqi": 0.007409731757575758,
  "bids_meta": {
    "AcquisitionNumber": 2,
    "BidsifyVersion": "0.3.5",
    "ConversionSoftware": "dcm2niix",
    "ConversionSoftwareVersion": "v1.0.20181125  GCC6.3.0",
    "EchoTime": 0.02762,
    "EffectiveEchoSpacing": 0.0006333282667071997,
    "ImageComments": "Piop",
    "ImageOrientationPatientDICOM": [
      0.999199,
      0.0320459,
      -0.0239825,
      -0.0375121,
      0.958737,
      -0.281808
    ],
    "Manufacturer": "Philips",
    "NumberOfVolumesDiscardedByScanner": 2,
    "ParallelAcquisitionTechnique": "SENSE",
    "ParallelReductionFactorInPlane": 2,
    "PatientPosition": "HFS",
    "PhaseEncodingDirection": "j",
    "PhilipsRescaleIntercept": 0,
    "PhilipsRescaleSlope": 0.80049,
    "PhilipsScaleSlope": 0.0945138,
    "ProtocolName": "WIPpiopfacesSENSE",
    "PulseSequenceType": "gradient echo EPI",
    "ReconMatrixPE": 80,
    "RepetitionTime": 0.75,
    "SeriesDescription": "ImageMRSERIES",
    "SeriesNumber": 2,
    "SliceEncodingDirection": "k",
    "SliceTiming": [
      0.0,
      0.06755050505050506,
      0.1351010101010101,
      0.20265151515151517,
      0.2702020202020202,
      0.3377525252525253,
      0.40530303030303033,
      0.47285353535353536,
      0.5404040404040404,
      0.6079545454545455,
      0.6755050505050506,
      0.7430555555555556,
      0.0,
      0.06755050505050506,
      0.1351010101010101,
      0.20265151515151517,
      0.2702020202020202,
      0.3377525252525253,
      0.40530303030303033,
      0.47285353535353536,
      0.5404040404040404,
      0.6079545454545455,
      0.6755050505050506,
      0.7430555555555556,
      0.0,
      0.06755050505050506,
      0.1351010101010101,
      0.20265151515151517,
      0.2702020202020202,
      0.3377525252525253,
      0.40530303030303033,
      0.47285353535353536,
      0.5404040404040404,
      0.6079545454545455,
      0.6755050505050506,
      0.7430555555555556
    ],
    "TaskName": "faces",
    "TotalReadoutTime": 0.024699802401580786,
    "UsePhilipsFloatNotDisplayScaling": 1,
    "acq_id": "mb3",
    "dataset": "ds002785",
    "modality": "bold",
    "subject_id": "0008",
    "task_id": "faces"
  },
  "dummy_trs": 0,
  "dvars_nstd": 28.838085835592725,
  "dvars_std": 1.2047540714893605,
  "dvars_vstd": 1.0150044036778112,
  "efc": 0.45520088639366313,
  "fber": 144899.953125,
  "fd_mean": 0.12495029527667331,
  "fd_num": 29,
  "fd_perc": 8.787878787878787,
  "fwhm_avg": 1.9609521723137437,
  "fwhm_x": 1.9628933333333334,
  "fwhm_y": 2.1516933333333332,
  "fwhm_z": 1.7682698502745642,
  "gcor": 0.0222215,
  "gsr_x": -0.023618295788764954,
  "gsr_y": 0.02014094591140747,
  "provenance": {
    "md5sum": "9cf4cfb4e3f6034b6222d6c0cf1665b9",
    "settings": {
      "fd_thres": 0.2,
      "testing": false
    },
    "software": "mriqc",
    "version": "22.0.0rc1",
    "webapi_port": null,
    "webapi_url": "https://mriqc.nimh.nih.gov/api/v1"
  },
  "size_t": 330,
  "size_x": 80,
  "size_y": 80,
  "size_z": 36,
  "snr": 6.705810575601959,
  "spacing_tr": 0.75,
  "spacing_x": 3.0,
  "spacing_y": 3.0,
  "spacing_z": 3.299999713897705,
  "summary_bg_k": 46.483841946146924,
  "summary_bg_mad": 49.65683361852447,
  "summary_bg_mean": 517.9514770507812,
  "summary_bg_median": 48.24834442138672,
  "summary_bg_n": 151346.0,
  "summary_bg_p05": 5.441326975822449,
  "summary_bg_p95": 2798.0347900390625,
  "summary_bg_stdv": 1410.8394775390625,
  "summary_fg_k": 1.1411342961373308,
  "summary_fg_mad": 2640.301716660313,
  "summary_fg_mean": 18737.517578125,
  "summary_fg_median": 18659.16015625,
  "summary_fg_n": 38002.0,
  "summary_fg_p05": 14425.90595703125,
  "summary_fg_p95": 23324.832421875,
  "summary_fg_stdv": 2782.49951171875,
  "tsnr": 59.53583526611328
}