{
  "aor": 0.0005871499999999999,
  "aqi": 0.0033734178,
  "bids_meta": {
    "AcquisitionNumber": 9,
    "BidsifyVersion": "0.3.5",
    "ConversionSoftware": "dcm2niix",
    "ConversionSoftwareVersion": "v1.0.20181125  GCC6.3.0",
    "EchoTime": 0.02762,
    "EffectiveEchoSpacing": 0.0006621159151938905,
    "ImageComments": "Piop",
    "ImageOrientationPatientDICOM": [
      0.999186,
      0.0381224,
      -0.013227,
      -0.0403061,
      0.958507,
      -0.282205
    ],
    "Manufacturer": "Philips",
    "NumberOfVolumesDiscardedByScanner": 2,
    "ParallelAcquisitionTechnique": "SENSE",
    "ParallelReductionFactorInPlane": 2,
    "PatientPosition": "HFS",
    "PhaseEncodingDirection": "j",
    "PhilipsRescaleIntercept": 0,
    "PhilipsRescaleSlope": 0.84957,
    "PhilipsScaleSlope": 0.0609732,
    "ProtocolName": "WIPpiopanticipatieSENSE",
    "PulseSequenceType": "gradient echo EPI",
    "ReconMatrixPE": 80,
    "RepetitionTime": 2,
    "SeriesDescription": "ImageMRSERIES",
    "SeriesNumber": 9,
    "SliceEncodingDirection": "k",
    "SliceTiming": [
      0.0,
      0.0541,
      0.1081,
      0.1622,
      0.2162,
      0.2703,
      0.3243,
      0.3784,
      0.4324,
      0.4865,
      0.5405,
      0.5946,
      0.6486,
      0.7027,
      0.7568,
      0.8108,
      0.8649,
      0.9189,
      0.973,
      1.027,
      1.0811,
      1.1351,
      1.1892,
      1.2432,
      1.2973,
      1.3514,
      1.4054,
      1.4595,
      1.5135,
      1.5676,
      1.6216,
      1.6757,
      1.7297,
      1.7838,
      1.8378,
      1.8919,
      1.9459
    ],
    "TaskName": "anticipation",
    "TotalReadoutTime": 0.025822520692561732,
    "UsePhilipsFloatNotDisplayScaling": 1,
    "acq_id": "seq",
    "dataset": "ds002785",
    "modality": "bold",
    "subject_id": "0008",
    "task_id": "anticipation"
  },
  "dummy_trs": 0,
  "dvars_nstd": 22.019904189648248,
  "dvars_std": 1.2441571191959797,
  "dvars_vstd": 0.9917058801005026,
  "efc": 0.4478736309168362,
  "fber": 139708.9375,
  "fd_mean": 0.10612347515097142,
  "fd_num": 6,
  "fd_perc": 3.0,
  "fwhm_avg": 1.7693953616282887,
  "fwhm_x": 1.7255866666666666,
  "fwhm_y": 1.90236,
  "fwhm_z": 1.6802394182181997,
  "gcor": 0.0316904,
  "gsr_x": -0.021987203508615494,
  "gsr_y": 0.020036671310663223,
  "provenance": {
    "md5sum": "c072c1bd8ee5ddbf04180eb8ed397950",
    "settings": {
      "fd_thres": 0.2,
      "testing": false
    },
    "software": "mriqc",
    "version": "22.0.0rc1",
    "webapi_port": null,
    "webapi_url": "https://mriqc.nimh.nih.gov/api/v1"
  },
  "size_t": 200,
  "size_x": 80,
  "size_y": 80,
  "size_z": 37,
  "snr": 5.404791499413311,
  "spacing_tr": 2.0,
  "spacing_x": 3.0,
  "spacing_y": 3.0,
  "spacing_z": 3.299999952316284,
  "summary_bg_k": 53.553239960629206,
  "summary_bg_mad": 65.47238111305845,
  "summary_bg_mean": 693.7317504882812,
  "summary_bg_median": 63.66506576538086,
  "summary_bg_n": 156629.0,
  "summary_bg_p05": 5.582133293151856,
  "summary_bg_p95": 3874.272070312501,
  "summary_bg_stdv": 2010.29296875,
  "summary_fg_k": 1.5949538280860898,
  "summary_fg_mad": 4179.917519306846,
  "summary_fg_mean": 24754.1953125,
  "summary_fg_median": 24298.919921875,
  "summary_fg_n": 38528.0,
  "summary_fg_p05": 18303.77822265625,
  "summary_fg_p95": 32269.2900390625,
  "summary_fg_stdv": 4495.75244140625,
  "tsnr": 89.52423095703125
}