{
  "aor": 0.0009233333333333334,
  "aqi": 0.003205422814814815,
  "bids_meta": {
    "AcquisitionNumber": 5,
    "BidsifyVersion": "0.3.5",
    "ConversionSoftware": "dcm2niix",
    "ConversionSoftwareVersion": "v1.0.20181125  GCC6.3.0",
    "EchoTime": 0.02762,
    "EffectiveEchoSpacing": 0.0006621159151938905,
    "ImageComments": "Piop",
    "ImageOrientationPatientDICOM": [
      0.999186,
      0.0381224,
      -0.013227,
      -0.0403061,
      0.958507,
      -0.282205
    ],
    "Manufacturer": "Philips",
    "NumberOfVolumesDiscardedByScanner": 2,
    "ParallelAcquisitionTechnique": "SENSE",
    "ParallelReductionFactorInPlane": 2,
    "PatientPosition": "HFS",
    "PhaseEncodingDirection": "j",
    "PhilipsRescaleIntercept": 0,
    "PhilipsRescaleSlope": 0.82808,
    "PhilipsScaleSlope": 0.060464,
    "ProtocolName": "WIPpiopharririSENSE",
    "PulseSequenceType": "gradient echo EPI",
    "ReconMatrixPE": 80,
    "RepetitionTime": 2,
    "SeriesDescription": "ImageMRSERIES",
    "SeriesNumber": 5,
    "SliceEncodingDirection": "k",
    "SliceTiming": [
      0.0,
      0.0541,
      0.1081,
      0.1622,
      0.2162,
      0.2703,
      0.3243,
      0.3784,
      0.4324,
      0.4865,
      0.5405,
      0.5946,
      0.6486,
      0.7027,
      0.7568,
      0.8108,
      0.8649,
      0.9189,
      0.973,
      1.027,
      1.0811,
      1.1351,
      1.1892,
      1.2432,
      1.2973,
      1.3514,
      1.4054,
      1.4595,
      1.5135,
      1.5676,
      1.6216,
      1.6757,
      1.7297,
      1.7838,
      1.8378,
      1.8919,
      1.9459
    ],
    "TaskName": "emomatching",
    "TotalReadoutTime": 0.025822520692561732,
    "UsePhilipsFloatNotDisplayScaling": 1,
    "acq_id": "seq",
    "dataset": "ds002785",
    "modality": "bold",
    "subject_id": "0008",
    "task_id": "emomatching"
  },
  "dummy_trs": 0,
  "dvars_nstd": 23.90105744268657,
  "dvars_std": 1.3426066152985077,
  "dvars_vstd": 1.0064272914179107,
  "efc": 0.4463763343332611,
  "fber": 142594.46875,
  "fd_mean": 0.09318759078237392,
  "fd_num": 0,
  "fd_perc": 0.0,
  "fwhm_avg": 1.7802576848612395,
  "fwhm_x": 1.73741,
  "fwhm_y": 1.9229933333333333,
  "fwhm_z": 1.6803697212503854,
  "gcor": 0.0195682,
  "gsr_x": -0.02182300202548504,
  "gsr_y": 0.02104920521378517,
  "provenance": {
    "md5sum": "7396e4f9f192e70c33d241e21111d529",
    "settings": {
      "fd_thres": 0.2,
      "testing": false
    },
    "software": "mriqc",
    "version": "22.0.0rc1",
    "webapi_port": null,
    "webapi_url": "https://mriqc.nimh.nih.gov/api/v1"
  },
  "size_t": 135,
  "size_x": 80,
  "size_y": 80,
  "size_z": 37,
  "snr": 5.407610204724818,
  "spacing_tr": 2.0,
  "spacing_x": 3.0,
  "spacing_y": 3.0,
  "spacing_z": 3.299999952316284,
  "summary_bg_k": 62.49890225991882,
  "summary_bg_mad": 64.7426769728343,
  "summary_bg_mean": 679.77001953125,
  "summary_bg_median": 63.497562408447266,
  "summary_bg_n": 156627.0,
  "summary_bg_p05": 5.443182182312012,
  "summary_bg_p95": 3756.269653320312,
  "summary_bg_stdv": 2007.9228515625,
  "summary_fg_k": 1.5339463021796584,
  "summary_fg_mad": 4255.456391910452,
  "summary_fg_mean": 24989.48046875,
  "summary_fg_median": 24525.974609375,
  "summary_fg_n": 38527.0,
  "summary_fg_p05": 18509.3966796875,
  "summary_fg_p95": 32571.577148437496,
  "summary_fg_stdv": 4535.396484375,
  "tsnr": 92.63459777832031
}