{
  "aor": 0.0008496913580246913,
  "aqi": 0.003069989814814815,
  "bids_meta": {
    "AcquisitionNumber": 8,
    "BidsifyVersion": "0.3.5",
    "ConversionSoftware": "dcm2niix",
    "ConversionSoftwareVersion": "v1.0.20181125  GCC6.3.0",
    "EchoTime": 0.02762,
    "EffectiveEchoSpacing": 0.0006621159151938905,
    "ImageComments": "Piop",
    "ImageOrientationPatientDICOM": [
      0.999186,
      0.0381224,
      -0.013227,
      -0.0403061,
      0.958507,
      -0.282205
    ],
    "Manufacturer": "Philips",
    "NumberOfVolumesDiscardedByScanner": 2,
    "ParallelAcquisitionTechnique": "SENSE",
    "ParallelReductionFactorInPlane": 2,
    "PatientPosition": "HFS",
    "PhaseEncodingDirection": "j",
    "PhilipsRescaleIntercept": 0,
    "PhilipsRescaleSlope": 0.83175,
    "PhilipsScaleSlope": 0.0616854,
    "ProtocolName": "WIPpiopwmSENSE",
    "PulseSequenceType": "gradient echo EPI",
    "ReconMatrixPE": 80,
    "RepetitionTime": 2,
    "SeriesDescription": "ImageMRSERIES",
    "SeriesNumber": 8,
    "SliceEncodingDirection": "k",
    "SliceTiming": [
      0.0,
      0.0541,
      0.1081,
      0.1622,
      0.2162,
      0.2703,
      0.3243,
      0.3784,
      0.4324,
      0.4865,
      0.5405,
      0.5946,
      0.6486,
      0.7027,
      0.7568,
      0.8108,
      0.8649,
      0.9189,
      0.973,
      1.027,
      1.0811,
      1.1351,
      1.1892,
      1.2432,
      1.2973,
      1.3514,
      1.4054,
      1.4595,
      1.5135,
      1.5676,
      1.6216,
      1.6757,
      1.7297,
      1.7838,
      1.8378,
      1.8919,
      1.9459
    ],
    "TaskName": "workingmemory",
    "TotalReadoutTime": 0.025822520692561732,
    "UsePhilipsFloatNotDisplayScaling": 1,
    "acq_id": "seq",
    "dataset": "ds002785",
    "modality": "bold",
    "subject_id": "0008",
    "task_id": "workingmemory"
  },
  "dummy_trs": 0,
  "dvars_nstd": 20.252923094844714,
  "dvars_std": 1.2379425727950313,
  "dvars_vstd": 1.0149453172049687,
  "efc": 0.44800685187897277,
  "fber": 140485.96875,
  "fd_mean": 0.08794202827628587,
  "fd_num": 2,
  "fd_perc": 1.2345679012345678,
  "fwhm_avg": 1.7665228363541328,
  "fwhm_x": 1.7186166666666667,
  "fwhm_y": 1.9052033333333334,
  "fwhm_z": 1.6757485090623985,
  "gcor": 0.0228888,
  "gsr_x": -0.022109825164079666,
  "gsr_y": 0.020612990483641624,
  "provenance": {
    "md5sum": "758c2f2edda84434304be9a3e979a70a",
    "settings": {
      "fd_thres": 0.2,
      "testing": false
    },
    "software": "mriqc",
    "version": "22.0.0rc1",
    "webapi_port": null,
    "webapi_url": "https://mriqc.nimh.nih.gov/api/v1"
  },
  "size_t": 162,
  "size_x": 80,
  "size_y": 80,
  "size_z": 37,
  "snr": 5.437544892798686,
  "spacing_tr": 2.0,
  "spacing_x": 3.0,
  "spacing_y": 3.0,
  "spacing_z": 3.299999952316284,
  "summary_bg_k": 57.39910393577621,
  "summary_bg_mad": 64.90255169631726,
  "summary_bg_mean": 692.8305053710938,
  "summary_bg_median": 63.6722297668457,
  "summary_bg_n": 156593.0,
  "summary_bg_p05": 5.658190441131592,
  "summary_bg_p95": 3857.3688476562484,
  "summary_bg_stdv": 2017.2752685546875,
  "summary_fg_k": 1.5908719530955686,
  "summary_fg_mad": 4189.972863454816,
  "summary_fg_mean": 24797.341796875,
  "summary_fg_median": 24355.392578125,
  "summary_fg_n": 38573.0,
  "summary_fg_p05": 18375.8078125,
  "summary_fg_p95": 32259.2828125,
  "summary_fg_stdv": 4479.0576171875,
  "tsnr": 93.84929656982422
}