{
  "bids_meta": {
    "AcquisitionNumber": 4,
    "BidsifyVersion": "0.3.5",
    "ConversionSoftware": "dcm2niix",
    "ConversionSoftwareVersion": "v1.0.20181125  GCC6.3.0",
    "EchoTime": 0.00374,
    "ImageComments": "piop",
    "ImageOrientationPatientDICOM": [
      0.998543,
      0.0537501,
      -0.00483839,
      -0.0537296,
      0.998546,
      0.0042804
    ],
    "Manufacturer": "Philips",
    "PatientPosition": "HFS",
    "PhilipsRescaleIntercept": 0,
    "PhilipsRescaleSlope": 8.41514,
    "PhilipsScaleSlope": 0.00704631,
    "ProtocolName": "WIPt13dSENSE",
    "ReconMatrixPE": 240,
    "RepetitionTime": 0.008134,
    "SeriesDescription": "ImageMRSERIES",
    "SeriesNumber": 4,
    "UsePhilipsFloatNotDisplayScaling": 1,
    "dataset": "ds002785",
    "modality": "T1w",
    "subject_id": "0162"
  },
  "cjv": 0.3286772037243595,
  "cnr": 3.698036547467861,
  "efc": 0.7757265490510863,
  "fber": 1422.490478515625,
  "fwhm_avg": 3.5538333333333334,
  "fwhm_x": 3.52756,
  "fwhm_y": 3.66407,
  "fwhm_z": 3.46987,
  "icvs_csf": 0.2142735591317301,
  "icvs_gm": 0.41873136991537885,
  "icvs_wm": 0.3669950709528911,
  "inu_med": 0.7036959528923035,
  "inu_range": 0.2574053257703781,
  "provenance": {
    "md5sum": "7194dd3fe59ad6dd764dbc3aaa393947",
    "settings": {
      "testing": false
    },
    "software": "mriqc",
    "version": "22.0.0rc1",
    "warnings": {
      "large_rot_frame": true,
      "small_air_mask": true
    },
    "webapi_port": null,
    "webapi_url": "https://mriqc.nimh.nih.gov/api/v1"
  },
  "qi_1": 4.722295305363853e-05,
  "qi_2": 0.0004939421504329887,
  "rpve_csf": 23.36797895176197,
  "rpve_gm": 12.593209395659857,
  "rpve_wm": 18.734643972196647,
  "size_x": 240,
  "size_y": 240,
  "size_z": 220,
  "snr_csf": 2.315154756021873,
  "snr_gm": 6.823994238064625,
  "snr_total": 9.662891854049901,
  "snr_wm": 19.849526568063204,
  "snrd_csf": 21.660133305896846,
  "snrd_gm": 39.36752363110505,
  "snrd_total": 41.65589831945766,
  "snrd_wm": 63.94003802137109,
  "spacing_x": 1.0,
  "spacing_y": 1.0,
  "spacing_z": 1.0,
  "summary_bg_k": 26.759062607623086,
  "summary_bg_mad": 10.246012981147931,
  "summary_bg_mean": 12.445289611816406,
  "summary_bg_median": 6.968465805053711,
  "summary_bg_n": 109934.0,
  "summary_bg_p05": 0.0,
  "summary_bg_p95": 34.48395557403565,
  "summary_bg_stdv": 11.021867752075195,
  "summary_csf_k": 46.169706669932005,
  "summary_csf_mad": 130.22758824189518,
  "summary_csf_mean": 322.4862365722656,
  "summary_csf_median": 338.75390625,
  "summary_csf_n": 7097.0,
  "summary_csf_p05": 107.90288543701172,
  "summary_csf_p95": 494.94678344726555,
  "summary_csf_stdv": 146.3098907470703,
  "summary_gm_k": 0.6020563318529115,
  "summary_gm_mad": 80.67463600754763,
  "summary_gm_mean": 620.2257690429688,
  "summary_gm_median": 615.6888427734375,
  "summary_gm_n": 21720.0,
  "summary_gm_p05": 480.8869155883789,
  "summary_gm_p95": 784.0803161621094,
  "summary_gm_stdv": 90.22203826904297,
  "summary_wm_k": 0.9273576980524632,
  "summary_wm_mad": 45.63671150180781,
  "summary_wm_mean": 996.5874633789062,
  "summary_wm_median": 999.990966796875,
  "summary_wm_n": 231395.0,
  "summary_wm_p05": 907.2309143066407,
  "summary_wm_p95": 1072.280187988281,
  "summary_wm_stdv": 50.37847137451172,
  "tpm_overlap_csf": 0.15711520612239838,
  "tpm_overlap_gm": 0.443777471780777,
  "tpm_overlap_wm": 0.49579116702079773,
  "wm2max": 0.6583160249913323
}