{
  "aor": 0.005358086419753086,
  "aqi": 0.00729761487654321,
  "bids_meta": {
    "AcquisitionNumber": 8,
    "BidsifyVersion": "0.3.5",
    "ConversionSoftware": "dcm2niix",
    "ConversionSoftwareVersion": "v1.0.20181125  GCC6.3.0",
    "EchoTime": 0.02762,
    "EffectiveEchoSpacing": 0.0006621159151938905,
    "ImageComments": "piop",
    "ImageOrientationPatientDICOM": [
      0.999239,
      0.0255452,
      0.0294888,
      -0.0129063,
      0.929717,
      -0.368049
    ],
    "Manufacturer": "Philips",
    "NumberOfVolumesDiscardedByScanner": 2,
    "ParallelAcquisitionTechnique": "SENSE",
    "ParallelReductionFactorInPlane": 2,
    "PatientPosition": "HFS",
    "PhaseEncodingDirection": "j",
    "PhilipsRescaleIntercept": 0,
    "PhilipsRescaleSlope": 0.81905,
    "PhilipsScaleSlope": 0.0555067,
    "ProtocolName": "WIPpiopwmSENSE",
    "PulseSequenceType": "gradient echo EPI",
    "ReconMatrixPE": 80,
    "RepetitionTime": 2,
    "SeriesDescription": "ImageMRSERIES",
    "SeriesNumber": 8,
    "SliceEncodingDirection": "k",
    "SliceTiming": [
      0.0,
      0.0541,
      0.1081,
      0.1622,
      0.2162,
      0.2703,
      0.3243,
      0.3784,
      0.4324,
      0.4865,
      0.5405,
      0.5946,
      0.6486,
      0.7027,
      0.7568,
      0.8108,
      0.8649,
      0.9189,
      0.973,
      1.027,
      1.0811,
      1.1351,
      1.1892,
      1.2432,
      1.2973,
      1.3514,
      1.4054,
      1.4595,
      1.5135,
      1.5676,
      1.6216,
      1.6757,
      1.7297,
      1.7838,
      1.8378,
      1.8919,
      1.9459
    ],
    "TaskName": "workingmemory",
    "TotalReadoutTime": 0.025822520692561732,
    "UsePhilipsFloatNotDisplayScaling": 1,
    "acq_id": "seq",
    "dataset": "ds002785",
    "modality": "bold",
    "subject_id": "0025",
    "task_id": "workingmemory"
  },
  "dummy_trs": 0,
  "dvars_nstd": 24.52033690906831,
  "dvars_std": 1.35572876863354,
  "dvars_vstd": 1.0428455386956517,
  "efc": 0.42985551605885824,
  "fber": 164833.296875,
  "fd_mean": 0.1463100082143552,
  "fd_num": 24,
  "fd_perc": 14.814814814814815,
  "fwhm_avg": 1.781744553617277,
  "fwhm_x": 1.7633333333333334,
  "fwhm_y": 1.88717,
  "fwhm_z": 1.6947303275184966,
  "gcor": 0.0434671,
  "gsr_x": -0.014848955906927586,
  "gsr_y": 0.018751177936792374,
  "provenance": {
    "md5sum": "e24b205d7f4892134a680ea542500b9e",
    "settings": {
      "fd_thres": 0.2,
      "testing": false
    },
    "software": "mriqc",
    "version": "22.0.0rc1",
    "webapi_port": null,
    "webapi_url": "https://mriqc.nimh.nih.gov/api/v1"
  },
  "size_t": 162,
  "size_x": 80,
  "size_y": 80,
  "size_z": 37,
  "snr": 5.299599357674251,
  "spacing_tr": 2.0,
  "spacing_x": 3.0,
  "spacing_y": 3.0,
  "spacing_z": 3.299999952316284,
  "summary_bg_k": 128.42096990010447,
  "summary_bg_mad": 64.24584540015687,
  "summary_bg_mean": 553.0025634765625,
  "summary_bg_median": 63.000022888183594,
  "summary_bg_n": 158088.0,
  "summary_bg_p05": 5.469710063934327,
  "summary_bg_p95": 3001.700451660154,
  "summary_bg_stdv": 1721.3192138671875,
  "summary_fg_k": 2.7367612103432197,
  "summary_fg_mad": 4489.611984088223,
  "summary_fg_mean": 26484.060546875,
  "summary_fg_median": 25940.12109375,
  "summary_fg_n": 37373.0,
  "summary_fg_p05": 19981.296484375,
  "summary_fg_p95": 34576.01484375,
  "summary_fg_stdv": 4894.6669921875,
  "tsnr": 67.88674926757812
}