{
  "aor": 0.0018106938775510205,
  "aqi": 0.007162838408163266,
  "bids_meta": {
    "AcquisitionNumber": 3,
    "BidsifyVersion": "0.3.5",
    "ConversionSoftware": "dcm2niix",
    "ConversionSoftwareVersion": "v1.0.20181125  GCC6.3.0",
    "EchoTime": 0.02762,
    "EffectiveEchoSpacing": 0.0006621159151938905,
    "ImageComments": "piop",
    "ImageOrientationPatientDICOM": [
      0.999239,
      0.0255452,
      0.0294888,
      -0.0129063,
      0.929717,
      -0.368049
    ],
    "Manufacturer": "Philips",
    "NumberOfVolumesDiscardedByScanner": 2,
    "ParallelAcquisitionTechnique": "SENSE",
    "ParallelReductionFactorInPlane": 2,
    "PatientPosition": "HFS",
    "PhaseEncodingDirection": "j",
    "PhilipsRescaleIntercept": 0,
    "PhilipsRescaleSlope": 0.77338,
    "PhilipsScaleSlope": 0.0553456,
    "ProtocolName": "WIPpiopgstroopSENSE",
    "PulseSequenceType": "gradient echo EPI",
    "ReconMatrixPE": 80,
    "RepetitionTime": 2,
    "SeriesDescription": "ImageMRSERIES",
    "SeriesNumber": 3,
    "SliceEncodingDirection": "k",
    "SliceTiming": [
      0.0,
      0.0541,
      0.1081,
      0.1622,
      0.2162,
      0.2703,
      0.3243,
      0.3784,
      0.4324,
      0.4865,
      0.5405,
      0.5946,
      0.6486,
      0.7027,
      0.7568,
      0.8108,
      0.8649,
      0.9189,
      0.973,
      1.027,
      1.0811,
      1.1351,
      1.1892,
      1.2432,
      1.2973,
      1.3514,
      1.4054,
      1.4595,
      1.5135,
      1.5676,
      1.6216,
      1.6757,
      1.7297,
      1.7838,
      1.8378,
      1.8919,
      1.9459
    ],
    "TaskName": "gstroop",
    "TotalReadoutTime": 0.025822520692561732,
    "UsePhilipsFloatNotDisplayScaling": 1,
    "acq_id": "seq",
    "dataset": "ds002785",
    "modality": "bold",
    "subject_id": "0025",
    "task_id": "gstroop"
  },
  "dummy_trs": 0,
  "dvars_nstd": 24.658525701475423,
  "dvars_std": 1.29760741545082,
  "dvars_vstd": 0.9871675310655743,
  "efc": 0.42641196095175066,
  "fber": 155773.65625,
  "fd_mean": 0.16173869213773562,
  "fd_num": 48,
  "fd_perc": 19.591836734693878,
  "fwhm_avg": 1.8102253618784274,
  "fwhm_x": 1.7939066666666665,
  "fwhm_y": 1.9045966666666667,
  "fwhm_z": 1.7321727523019494,
  "gcor": 0.0438827,
  "gsr_x": -0.01418787520378828,
  "gsr_y": 0.018136851489543915,
  "provenance": {
    "md5sum": "1858a32feeb1ec807b5f0481c4e29b70",
    "settings": {
      "fd_thres": 0.2,
      "testing": false
    },
    "software": "mriqc",
    "version": "22.0.0rc1",
    "webapi_port": null,
    "webapi_url": "https://mriqc.nimh.nih.gov/api/v1"
  },
  "size_t": 245,
  "size_x": 80,
  "size_y": 80,
  "size_z": 37,
  "snr": 5.162474335095488,
  "spacing_tr": 2.0,
  "spacing_x": 3.0,
  "spacing_y": 3.0,
  "spacing_z": 3.299999952316284,
  "summary_bg_k": 149.26951450347948,
  "summary_bg_mad": 70.09674957185291,
  "summary_bg_mean": 532.9823608398438,
  "summary_bg_median": 66.41828155517578,
  "summary_bg_n": 158435.0,
  "summary_bg_p05": 5.4085134983062755,
  "summary_bg_p95": 2842.304760742176,
  "summary_bg_stdv": 1678.4078369140625,
  "summary_fg_k": 2.7226007762277984,
  "summary_fg_mad": 4683.4882855249525,
  "summary_fg_mean": 27149.484375,
  "summary_fg_median": 26546.7109375,
  "summary_fg_n": 37085.0,
  "summary_fg_p05": 20292.309765625,
  "summary_fg_p95": 35791.93749999999,
  "summary_fg_stdv": 5142.17626953125,
  "tsnr": 67.16753387451172
}