{
  "aor": 0.0015095151515151517,
  "aqi": 0.010301364727272729,
  "bids_meta": {
    "AcquisitionNumber": 2,
    "BidsifyVersion": "0.3.5",
    "ConversionSoftware": "dcm2niix",
    "ConversionSoftwareVersion": "v1.0.20181125  GCC6.3.0",
    "EchoTime": 0.02762,
    "EffectiveEchoSpacing": 0.0006333282667071997,
    "ImageComments": "piop",
    "ImageOrientationPatientDICOM": [
      0.999239,
      0.0255452,
      0.0294888,
      -0.0129063,
      0.929717,
      -0.368049
    ],
    "Manufacturer": "Philips",
    "NumberOfVolumesDiscardedByScanner": 2,
    "ParallelAcquisitionTechnique": "SENSE",
    "ParallelReductionFactorInPlane": 2,
    "PatientPosition": "HFS",
    "PhaseEncodingDirection": "j",
    "PhilipsRescaleIntercept": 0,
    "PhilipsRescaleSlope": 0.77094,
    "PhilipsScaleSlope": 0.0907927,
    "ProtocolName": "WIPpiopfacesSENSE",
    "PulseSequenceType": "gradient echo EPI",
    "ReconMatrixPE": 80,
    "RepetitionTime": 0.75,
    "SeriesDescription": "ImageMRSERIES",
    "SeriesNumber": 2,
    "SliceEncodingDirection": "k",
    "SliceTiming": [
      0.0,
      0.06755050505050506,
      0.1351010101010101,
      0.20265151515151517,
      0.2702020202020202,
      0.3377525252525253,
      0.40530303030303033,
      0.47285353535353536,
      0.5404040404040404,
      0.6079545454545455,
      0.6755050505050506,
      0.7430555555555556,
      0.0,
      0.06755050505050506,
      0.1351010101010101,
      0.20265151515151517,
      0.2702020202020202,
      0.3377525252525253,
      0.40530303030303033,
      0.47285353535353536,
      0.5404040404040404,
      0.6079545454545455,
      0.6755050505050506,
      0.7430555555555556,
      0.0,
      0.06755050505050506,
      0.1351010101010101,
      0.20265151515151517,
      0.2702020202020202,
      0.3377525252525253,
      0.40530303030303033,
      0.47285353535353536,
      0.5404040404040404,
      0.6079545454545455,
      0.6755050505050506,
      0.7430555555555556
    ],
    "TaskName": "faces",
    "TotalReadoutTime": 0.024699802401580786,
    "UsePhilipsFloatNotDisplayScaling": 1,
    "acq_id": "mb3",
    "dataset": "ds002785",
    "modality": "bold",
    "subject_id": "0025",
    "task_id": "faces"
  },
  "dummy_trs": 0,
  "dvars_nstd": 29.752295914376923,
  "dvars_std": 1.2542827245592707,
  "dvars_vstd": 1.0235014272340426,
  "efc": 0.4312306501530563,
  "fber": 155861.8125,
  "fd_mean": 0.11149267856769837,
  "fd_num": 25,
  "fd_perc": 7.575757575757576,
  "fwhm_avg": 1.7556122301542558,
  "fwhm_x": 1.7336433333333332,
  "fwhm_y": 1.88636,
  "fwhm_z": 1.6468333571294345,
  "gcor": 0.0340442,
  "gsr_x": -0.01403941959142685,
  "gsr_y": 0.015199906192719936,
  "provenance": {
    "md5sum": "ad9ec2f8cc7e0d99ae03257b261f175f",
    "settings": {
      "fd_thres": 0.2,
      "testing": false
    },
    "software": "mriqc",
    "version": "22.0.0rc1",
    "webapi_port": null,
    "webapi_url": "https://mriqc.nimh.nih.gov/api/v1"
  },
  "size_t": 330,
  "size_x": 80,
  "size_y": 80,
  "size_z": 36,
  "snr": 6.683762906190905,
  "spacing_tr": 0.75,
  "spacing_x": 3.0,
  "spacing_y": 3.0,
  "spacing_z": 3.299999952316284,
  "summary_bg_k": 66.24031855660856,
  "summary_bg_mad": 52.48613492592149,
  "summary_bg_mean": 376.0896301269531,
  "summary_bg_median": 48.46579360961914,
  "summary_bg_n": 153702.0,
  "summary_bg_p05": 3.6714388847351076,
  "summary_bg_p95": 2032.602075195301,
  "summary_bg_stdv": 1071.2257080078125,
  "summary_fg_k": 1.4162688848732206,
  "summary_fg_mad": 2728.376106849682,
  "summary_fg_mean": 19582.611328125,
  "summary_fg_median": 19410.2109375,
  "summary_fg_n": 36199.0,
  "summary_fg_p05": 15220.7826171875,
  "summary_fg_p95": 24417.671484374998,
  "summary_fg_stdv": 2904.044189453125,
  "tsnr": 53.53858947753906
}