{
  "aor": 0.0047507,
  "aqi": 0.0104231459,
  "bids_meta": {
    "AcquisitionNumber": 9,
    "BidsifyVersion": "0.3.5",
    "ConversionSoftware": "dcm2niix",
    "ConversionSoftwareVersion": "v1.0.20181125  GCC6.3.0",
    "EchoTime": 0.02762,
    "EffectiveEchoSpacing": 0.0006621159151938905,
    "ImageComments": "piop",
    "ImageOrientationPatientDICOM": [
      0.999239,
      0.0255452,
      0.0294888,
      -0.0129063,
      0.929717,
      -0.368049
    ],
    "Manufacturer": "Philips",
    "NumberOfVolumesDiscardedByScanner": 2,
    "ParallelAcquisitionTechnique": "SENSE",
    "ParallelReductionFactorInPlane": 2,
    "PatientPosition": "HFS",
    "PhaseEncodingDirection": "j",
    "PhilipsRescaleIntercept": 0,
    "PhilipsRescaleSlope": 0.79121,
    "PhilipsScaleSlope": 0.0583265,
    "ProtocolName": "WIPpiopanticipatieSENSE",
    "PulseSequenceType": "gradient echo EPI",
    "ReconMatrixPE": 80,
    "RepetitionTime": 2,
    "SeriesDescription": "ImageMRSERIES",
    "SeriesNumber": 9,
    "SliceEncodingDirection": "k",
    "SliceTiming": [
      0.0,
      0.0541,
      0.1081,
      0.1622,
      0.2162,
      0.2703,
      0.3243,
      0.3784,
      0.4324,
      0.4865,
      0.5405,
      0.5946,
      0.6486,
      0.7027,
      0.7568,
      0.8108,
      0.8649,
      0.9189,
      0.973,
      1.027,
      1.0811,
      1.1351,
      1.1892,
      1.2432,
      1.2973,
      1.3514,
      1.4054,
      1.4595,
      1.5135,
      1.5676,
      1.6216,
      1.6757,
      1.7297,
      1.7838,
      1.8378,
      1.8919,
      1.9459
    ],
    "TaskName": "anticipation",
    "TotalReadoutTime": 0.025822520692561732,
    "UsePhilipsFloatNotDisplayScaling": 1,
    "acq_id": "seq",
    "dataset": "ds002785",
    "modality": "bold",
    "subject_id": "0025",
    "task_id": "anticipation"
  },
  "dummy_trs": 0,
  "dvars_nstd": 25.63182309402011,
  "dvars_std": 1.3329044507035184,
  "dvars_vstd": 1.0233226582914574,
  "efc": 0.43066384215230885,
  "fber": 158151.796875,
  "fd_mean": 0.15380311778631578,
  "fd_num": 29,
  "fd_perc": 14.5,
  "fwhm_avg": 1.770513240423699,
  "fwhm_x": 1.7500366666666667,
  "fwhm_y": 1.8797,
  "fwhm_z": 1.68180305460443,
  "gcor": 0.0330032,
  "gsr_x": -0.015301605686545372,
  "gsr_y": 0.019179999828338623,
  "provenance": {
    "md5sum": "c2c70e2b7ce88c773cb27a26fb5a1f82",
    "settings": {
      "fd_thres": 0.2,
      "testing": false
    },
    "software": "mriqc",
    "version": "22.0.0rc1",
    "webapi_port": null,
    "webapi_url": "https://mriqc.nimh.nih.gov/api/v1"
  },
  "size_t": 200,
  "size_x": 80,
  "size_y": 80,
  "size_z": 37,
  "snr": 5.401714674740557,
  "spacing_tr": 2.0,
  "spacing_x": 3.0,
  "spacing_y": 3.0,
  "spacing_z": 3.299999952316284,
  "summary_bg_k": 134.2805766533516,
  "summary_bg_mad": 62.60671096423801,
  "summary_bg_mean": 551.8084106445312,
  "summary_bg_median": 62.78660583496094,
  "summary_bg_n": 158061.0,
  "summary_bg_p05": 6.075662612915039,
  "summary_bg_p95": 2949.204833984375,
  "summary_bg_stdv": 1738.83544921875,
  "summary_fg_k": 2.750063701653195,
  "summary_fg_mad": 4312.41640546341,
  "summary_fg_mean": 25960.109375,
  "summary_fg_median": 25449.4296875,
  "summary_fg_n": 37392.0,
  "summary_fg_p05": 19705.34248046875,
  "summary_fg_p95": 33756.01562499999,
  "summary_fg_stdv": 4711.29833984375,
  "tsnr": 63.26596450805664
}