{
  "aor": 0.00032712121212121213,
  "aqi": 0.007501770363636364,
  "bids_meta": {
    "AcquisitionNumber": 2,
    "BidsifyVersion": "0.3.5",
    "ConversionSoftware": "dcm2niix",
    "ConversionSoftwareVersion": "v1.0.20181125  GCC6.3.0",
    "EchoTime": 0.02762,
    "EffectiveEchoSpacing": 0.0006333282667071997,
    "ImageComments": "piop",
    "ImageOrientationPatientDICOM": [
      0.995915,
      -0.0895419,
      0.0116258,
      0.0901096,
      0.977401,
      -0.191225
    ],
    "Manufacturer": "Philips",
    "NumberOfVolumesDiscardedByScanner": 2,
    "ParallelAcquisitionTechnique": "SENSE",
    "ParallelReductionFactorInPlane": 2,
    "PatientPosition": "HFS",
    "PhaseEncodingDirection": "j",
    "PhilipsRescaleIntercept": 0,
    "PhilipsRescaleSlope": 0.80757,
    "PhilipsScaleSlope": 0.087223,
    "ProtocolName": "WIPpiopfacesSENSE",
    "PulseSequenceType": "gradient echo EPI",
    "ReconMatrixPE": 80,
    "RepetitionTime": 0.75,
    "SeriesDescription": "ImageMRSERIES",
    "SeriesNumber": 2,
    "SliceEncodingDirection": "k",
    "SliceTiming": [
      0.0,
      0.06755050505050506,
      0.1351010101010101,
      0.20265151515151517,
      0.2702020202020202,
      0.3377525252525253,
      0.40530303030303033,
      0.47285353535353536,
      0.5404040404040404,
      0.6079545454545455,
      0.6755050505050506,
      0.7430555555555556,
      0.0,
      0.06755050505050506,
      0.1351010101010101,
      0.20265151515151517,
      0.2702020202020202,
      0.3377525252525253,
      0.40530303030303033,
      0.47285353535353536,
      0.5404040404040404,
      0.6079545454545455,
      0.6755050505050506,
      0.7430555555555556,
      0.0,
      0.06755050505050506,
      0.1351010101010101,
      0.20265151515151517,
      0.2702020202020202,
      0.3377525252525253,
      0.40530303030303033,
      0.47285353535353536,
      0.5404040404040404,
      0.6079545454545455,
      0.6755050505050506,
      0.7430555555555556
    ],
    "TaskName": "faces",
    "TotalReadoutTime": 0.024699802401580786,
    "UsePhilipsFloatNotDisplayScaling": 1,
    "acq_id": "mb3",
    "dataset": "ds002785",
    "modality": "bold",
    "subject_id": "0062",
    "task_id": "faces"
  },
  "dummy_trs": 0,
  "dvars_nstd": 27.344670292765965,
  "dvars_std": 1.122853776960487,
  "dvars_vstd": 1.0075368973556227,
  "efc": 0.42067822477606226,
  "fber": 151605.96875,
  "fd_mean": 0.10813258288644707,
  "fd_num": 18,
  "fd_perc": 5.454545454545454,
  "fwhm_avg": 1.9387348570702674,
  "fwhm_x": 1.8893433333333334,
  "fwhm_y": 2.1443733333333332,
  "fwhm_z": 1.7824879045441353,
  "gcor": 0.0132139,
  "gsr_x": -0.025783676654100418,
  "gsr_y": 0.021833082661032677,
  "provenance": {
    "md5sum": "b047f7e8b2a836a4b023665389dafbfd",
    "settings": {
      "fd_thres": 0.2,
      "testing": false
    },
    "software": "mriqc",
    "version": "22.0.0rc1",
    "webapi_port": null,
    "webapi_url": "https://mriqc.nimh.nih.gov/api/v1"
  },
  "size_t": 330,
  "size_x": 80,
  "size_y": 80,
  "size_z": 36,
  "snr": 6.230329292790271,
  "spacing_tr": 0.75,
  "spacing_x": 3.0,
  "spacing_y": 3.0,
  "spacing_z": 3.299999952316284,
  "summary_bg_k": 57.42978652149284,
  "summary_bg_mad": 51.845464599553644,
  "summary_bg_mean": 427.342041015625,
  "summary_bg_median": 45.968143463134766,
  "summary_bg_n": 157245.0,
  "summary_bg_p05": 2.9855391502380373,
  "summary_bg_p95": 2100.9266113281237,
  "summary_bg_stdv": 1224.832763671875,
  "summary_fg_k": 1.1017089356366858,
  "summary_fg_mad": 2727.928720047418,
  "summary_fg_mean": 18306.4609375,
  "summary_fg_median": 18322.451171875,
  "summary_fg_n": 32692.0,
  "summary_fg_p05": 13534.87890625,
  "summary_fg_p95": 23045.5341796875,
  "summary_fg_stdv": 2940.802978515625,
  "tsnr": 56.27557373046875
}