{
  "bids_meta": {
    "AcquisitionNumber": 4,
    "BidsifyVersion": "0.3.5",
    "ConversionSoftware": "dcm2niix",
    "ConversionSoftwareVersion": "v1.0.20181125  GCC6.3.0",
    "EchoTime": 0.00377,
    "ImageComments": "Piop",
    "ImageOrientationPatientDICOM": [
      0.99892,
      -0.0429881,
      0.0176229,
      0.0443125,
      0.995537,
      -0.0833266
    ],
    "Manufacturer": "Philips",
    "PatientPosition": "HFS",
    "PhilipsRescaleIntercept": 0,
    "PhilipsRescaleSlope": 9.63272,
    "PhilipsScaleSlope": 0.00729676,
    "ProtocolName": "WIPt13dSENSE",
    "ReconMatrixPE": 240,
    "RepetitionTime": 0.008211,
    "SeriesDescription": "ImageMRSERIES",
    "SeriesNumber": 4,
    "UsePhilipsFloatNotDisplayScaling": 1,
    "dataset": "ds002785",
    "modality": "T1w",
    "subject_id": "0040"
  },
  "cjv": 0.35343203629401176,
  "cnr": 3.529667619064735,
  "efc": 0.7842873124058607,
  "fber": 451.5783386230469,
  "fwhm_avg": 3.51295,
  "fwhm_x": 3.48511,
  "fwhm_y": 3.6838,
  "fwhm_z": 3.36994,
  "icvs_csf": 0.24823775971258952,
  "icvs_gm": 0.38557077776596954,
  "icvs_wm": 0.3661914625214409,
  "inu_med": 1.8800455331802368,
  "inu_range": 0.6768092632293701,
  "provenance": {
    "md5sum": "030c72c849cf57b46e9ef16c37dd6e89",
    "settings": {
      "testing": false
    },
    "software": "mriqc",
    "version": "22.0.0rc1",
    "warnings": {
      "large_rot_frame": true,
      "small_air_mask": true
    },
    "webapi_port": null,
    "webapi_url": "https://mriqc.nimh.nih.gov/api/v1"
  },
  "qi_1": 0.0,
  "qi_2": 7.1494215993484e-05,
  "rpve_csf": 21.558028182094926,
  "rpve_gm": 13.178601759672222,
  "rpve_wm": 18.955437425520902,
  "size_x": 240,
  "size_y": 240,
  "size_z": 220,
  "snr_csf": 3.9089237216076644,
  "snr_gm": 7.05728956854826,
  "snr_total": 9.940401151566487,
  "snr_wm": 18.854990164543537,
  "snrd_csf": 21.1459954626208,
  "snrd_gm": 34.753891605161854,
  "snrd_total": 37.01468168395755,
  "snrd_wm": 55.144157984089986,
  "spacing_x": 1.0,
  "spacing_y": 1.0,
  "spacing_z": 1.0,
  "summary_bg_k": 18.887236185199047,
  "summary_bg_mad": 11.880362359466785,
  "summary_bg_mean": 17.94554328918457,
  "summary_bg_median": 16.007266998291016,
  "summary_bg_n": 251893.0,
  "summary_bg_p05": 0.0,
  "summary_bg_p95": 40.31383743286133,
  "summary_bg_stdv": 13.674866676330566,
  "summary_csf_k": 1.1202478151083666,
  "summary_csf_mad": 83.52003054848332,
  "summary_csf_mean": 367.56976318359375,
  "summary_csf_median": 383.46533203125,
  "summary_csf_n": 7669.0,
  "summary_csf_p05": 171.81470031738283,
  "summary_csf_p95": 500.08909912109374,
  "summary_csf_stdv": 98.09358215332031,
  "summary_gm_k": 0.3744373422313334,
  "summary_gm_mad": 83.00178940435602,
  "summary_gm_mean": 635.0751953125,
  "summary_gm_median": 630.2333984375,
  "summary_gm_n": 15586.0,
  "summary_gm_p05": 495.0681457519531,
  "summary_gm_p95": 791.5230255126953,
  "summary_gm_stdv": 89.29960632324219,
  "summary_wm_k": 1.067349975154217,
  "summary_wm_mad": 47.68352422033676,
  "summary_wm_mean": 997.1303100585938,
  "summary_wm_median": 999.9942016601562,
  "summary_wm_n": 222103.0,
  "summary_wm_p05": 905.224853515625,
  "summary_wm_p95": 1077.6592041015624,
  "summary_wm_stdv": 53.03593063354492,
  "tpm_overlap_csf": 0.13488920032978058,
  "tpm_overlap_gm": 0.41717255115509033,
  "tpm_overlap_wm": 0.5030907988548279,
  "wm2max": 0.7068932390065176
}