{
  "bids_meta": {
    "AcquisitionNumber": 5,
    "BidsifyVersion": "0.3.5",
    "ConversionSoftware": "dcm2niix",
    "ConversionSoftwareVersion": "v1.0.20181125  GCC6.3.0",
    "EchoTime": 0.00381,
    "ImageComments": "PIOP",
    "ImageOrientationPatientDICOM": [
      0.99932,
      -0.0367049,
      0.00356432,
      0.036818,
      0.987547,
      -0.152958
    ],
    "Manufacturer": "Philips",
    "PatientPosition": "HFS",
    "PhilipsRescaleIntercept": 0,
    "PhilipsRescaleSlope": 8.80342,
    "PhilipsScaleSlope": 0.00702122,
    "ProtocolName": "WIPt13dSENSE",
    "ReconMatrixPE": 240,
    "RepetitionTime": 0.008279,
    "SeriesDescription": "ImageMRSERIES",
    "SeriesNumber": 5,
    "UsePhilipsFloatNotDisplayScaling": 1,
    "dataset": "ds002785",
    "modality": "T1w",
    "subject_id": "0125"
  },
  "cjv": 0.33773442069520926,
  "cnr": 3.6700658646454256,
  "efc": 0.7596611227637455,
  "fber": 759.98974609375,
  "fwhm_avg": 3.50774,
  "fwhm_x": 3.5191,
  "fwhm_y": 3.64152,
  "fwhm_z": 3.3626,
  "icvs_csf": 0.21024993979488502,
  "icvs_gm": 0.4146348205449958,
  "icvs_wm": 0.3751152396601192,
  "inu_med": 1.8639554977416992,
  "inu_range": 0.46663069725036643,
  "provenance": {
    "md5sum": "40d050510124460cb648a6c1efc126ff",
    "settings": {
      "testing": false
    },
    "software": "mriqc",
    "version": "22.0.0rc1",
    "warnings": {
      "large_rot_frame": true,
      "small_air_mask": true
    },
    "webapi_port": null,
    "webapi_url": "https://mriqc.nimh.nih.gov/api/v1"
  },
  "qi_1": 0.0,
  "qi_2": 9.043317579076354e-05,
  "rpve_csf": 26.153724237324848,
  "rpve_gm": 14.004262053479799,
  "rpve_wm": 19.986520781915196,
  "size_x": 240,
  "size_y": 240,
  "size_z": 220,
  "snr_csf": 1.7035129988677105,
  "snr_gm": 7.029660950537788,
  "snr_total": 9.439936809322028,
  "snr_wm": 19.58663647856058,
  "snrd_csf": 21.392142082298243,
  "snrd_gm": 46.85301167498334,
  "snrd_total": 47.831712814202966,
  "snrd_wm": 75.2499846853273,
  "spacing_x": 1.0,
  "spacing_y": 1.0,
  "spacing_z": 1.0,
  "summary_bg_k": 11.329835682068676,
  "summary_bg_mad": 8.70606076742519,
  "summary_bg_mean": 12.915815353393555,
  "summary_bg_median": 11.677778244018555,
  "summary_bg_n": 232228.0,
  "summary_bg_p05": 0.0,
  "summary_bg_p95": 34.91143608093262,
  "summary_bg_stdv": 11.023516654968262,
  "summary_csf_k": 59.06462240750827,
  "summary_csf_mad": 165.87890502901564,
  "summary_csf_mean": 283.6169128417969,
  "summary_csf_median": 284.2786560058594,
  "summary_csf_n": 5261.0,
  "summary_csf_p05": 85.43956756591797,
  "summary_csf_p95": 469.3226013183594,
  "summary_csf_stdv": 166.86203002929688,
  "summary_gm_k": 0.504600334960438,
  "summary_gm_mad": 81.26291707581576,
  "summary_gm_mean": 626.6258544921875,
  "summary_gm_median": 622.6263427734375,
  "summary_gm_n": 15400.0,
  "summary_gm_p05": 486.8004837036133,
  "summary_gm_p95": 781.5387329101562,
  "summary_gm_stdv": 88.56844329833984,
  "summary_wm_k": 1.0306600460346802,
  "summary_wm_mad": 46.186352973683,
  "summary_wm_mean": 997.635009765625,
  "summary_wm_median": 999.99169921875,
  "summary_wm_n": 215629.0,
  "summary_wm_p05": 909.7576904296875,
  "summary_wm_p95": 1076.4049560546873,
  "summary_wm_stdv": 51.0546760559082,
  "tpm_overlap_csf": 0.16533571481704712,
  "tpm_overlap_gm": 0.4310312569141388,
  "tpm_overlap_wm": 0.5014109015464783,
  "wm2max": 0.6837265866317643
}