{
  "bids_meta": {
    "AcquisitionNumber": 4,
    "BidsifyVersion": "0.3.5",
    "ConversionSoftware": "dcm2niix",
    "ConversionSoftwareVersion": "v1.0.20181125  GCC6.3.0",
    "EchoTime": 0.00374,
    "ImageComments": "piop",
    "ImageOrientationPatientDICOM": [
      0.999602,
      0.0158468,
      -0.0233272,
      -0.0167501,
      0.999097,
      -0.0390489
    ],
    "Manufacturer": "Philips",
    "PatientPosition": "HFS",
    "PhilipsRescaleIntercept": 0,
    "PhilipsRescaleSlope": 9.42735,
    "PhilipsScaleSlope": 0.00716029,
    "ProtocolName": "WIPt13dSENSE",
    "ReconMatrixPE": 240,
    "RepetitionTime": 0.008162,
    "SeriesDescription": "ImageMRSERIES",
    "SeriesNumber": 4,
    "UsePhilipsFloatNotDisplayScaling": 1,
    "dataset": "ds002785",
    "modality": "T1w",
    "subject_id": "0045"
  },
  "cjv": 0.30921423142555676,
  "cnr": 4.003651616405217,
  "efc": 0.7720858229907895,
  "fber": 650.3533935546875,
  "fwhm_avg": 3.5451101413492445,
  "fwhm_x": 3.52099,
  "fwhm_y": 3.702580220690979,
  "fwhm_z": 3.411760203356755,
  "icvs_csf": 0.20305179400349624,
  "icvs_gm": 0.42572650462693,
  "icvs_wm": 0.3712217013695738,
  "inu_med": 1.9241567850112915,
  "inu_range": 0.5603639721870421,
  "provenance": {
    "md5sum": "05a076d734441adb106ccbcec28bd29a",
    "settings": {
      "testing": false
    },
    "software": "mriqc",
    "version": "22.0.0rc1",
    "warnings": {
      "large_rot_frame": true,
      "small_air_mask": true
    },
    "webapi_port": null,
    "webapi_url": "https://mriqc.nimh.nih.gov/api/v1"
  },
  "qi_1": 0.0,
  "qi_2": 0.0003095655273411094,
  "rpve_csf": 23.639396177220817,
  "rpve_gm": 12.192149952377134,
  "rpve_wm": 17.796148845360243,
  "size_x": 240,
  "size_y": 240,
  "size_z": 220,
  "snr_csf": 2.884564749058873,
  "snr_gm": 7.432879222135918,
  "snr_total": 10.22851106794383,
  "snr_wm": 20.368089232636702,
  "snrd_csf": 25.229946012873917,
  "snrd_gm": 43.09330658018351,
  "snrd_total": 46.19735796283414,
  "snrd_wm": 70.26882129544501,
  "spacing_x": 1.0,
  "spacing_y": 0.9999999403953552,
  "spacing_z": 0.9999999403953552,
  "summary_bg_k": 1.6465149882392067,
  "summary_bg_mad": 9.323108738079604,
  "summary_bg_mean": 12.123303413391113,
  "summary_bg_median": 12.447397232055664,
  "summary_bg_n": 119810.0,
  "summary_bg_p05": 0.0,
  "summary_bg_p95": 32.08911418914795,
  "summary_bg_stdv": 10.645007133483887,
  "summary_csf_k": 2.281907909344831,
  "summary_csf_mad": 98.1179252803623,
  "summary_csf_mean": 325.1793518066406,
  "summary_csf_median": 359.0420837402344,
  "summary_csf_n": 7837.0,
  "summary_csf_p05": 92.86329803466796,
  "summary_csf_p95": 480.29949951171875,
  "summary_csf_stdv": 124.46216583251953,
  "summary_gm_k": 0.8631052844567493,
  "summary_gm_mad": 74.70680916371614,
  "summary_gm_mean": 617.7924194335938,
  "summary_gm_median": 613.2518310546875,
  "summary_gm_n": 18088.0,
  "summary_gm_p05": 491.5175216674805,
  "summary_gm_p95": 763.2310577392574,
  "summary_gm_stdv": 82.50300598144531,
  "summary_wm_k": 0.9252343118179502,
  "summary_wm_mad": 44.87532142206501,
  "summary_wm_mean": 997.8843383789062,
  "summary_wm_median": 999.9808959960938,
  "summary_wm_n": 241397.0,
  "summary_wm_p05": 913.7421020507812,
  "summary_wm_p95": 1073.7133056640625,
  "summary_wm_stdv": 49.095367431640625,
  "tpm_overlap_csf": 0.16069404780864716,
  "tpm_overlap_gm": 0.4416483938694,
  "tpm_overlap_wm": 0.49950873851776123,
  "wm2max": 0.7139104628474575
}