{
  "bids_meta": {
    "AcquisitionNumber": 4,
    "BidsifyVersion": "0.3.5",
    "ConversionSoftware": "dcm2niix",
    "ConversionSoftwareVersion": "v1.0.20181125  GCC6.3.0",
    "EchoTime": 0.00377,
    "ImageComments": "Piop",
    "ImageOrientationPatientDICOM": [
      0.998766,
      -0.0456494,
      0.019535,
      0.0469259,
      0.996384,
      -0.0708328
    ],
    "Manufacturer": "Philips",
    "PatientPosition": "HFS",
    "PhilipsRescaleIntercept": 0,
    "PhilipsRescaleSlope": 9.30281,
    "PhilipsScaleSlope": 0.00736662,
    "ProtocolName": "WIPt13dSENSE",
    "ReconMatrixPE": 240,
    "RepetitionTime": 0.008199,
    "SeriesDescription": "ImageMRSERIES",
    "SeriesNumber": 4,
    "UsePhilipsFloatNotDisplayScaling": 1,
    "dataset": "ds002785",
    "modality": "T1w",
    "subject_id": "0079"
  },
  "cjv": 0.2994205723312075,
  "cnr": 4.145446589370106,
  "efc": 0.7752099201983328,
  "fber": 662.6427001953125,
  "fwhm_avg": 3.418893333333333,
  "fwhm_x": 3.42827,
  "fwhm_y": 3.57115,
  "fwhm_z": 3.25726,
  "icvs_csf": 0.18478963862304804,
  "icvs_gm": 0.4488984474474493,
  "icvs_wm": 0.36631191392950263,
  "inu_med": 2.387932300567627,
  "inu_range": 0.7525675773620604,
  "provenance": {
    "md5sum": "7e4e8a21d237d8e7cf42197b17a07e00",
    "settings": {
      "testing": false
    },
    "software": "mriqc",
    "version": "22.0.0rc1",
    "warnings": {
      "large_rot_frame": true,
      "small_air_mask": true
    },
    "webapi_port": null,
    "webapi_url": "https://mriqc.nimh.nih.gov/api/v1"
  },
  "qi_1": 0.0,
  "qi_2": 0.0002521518639343762,
  "rpve_csf": 28.873807751681554,
  "rpve_gm": 13.373046686782464,
  "rpve_wm": 19.930320052294782,
  "size_x": 240,
  "size_y": 240,
  "size_z": 220,
  "snr_csf": 2.100872991550249,
  "snr_gm": 7.995284029267484,
  "snr_total": 9.678969394303055,
  "snr_wm": 18.94075116209143,
  "snrd_csf": 19.562124407164923,
  "snrd_gm": 41.59717839921042,
  "snrd_total": 43.051482490689786,
  "snrd_wm": 67.99514466569403,
  "spacing_x": 1.0,
  "spacing_y": 1.0,
  "spacing_z": 1.0,
  "summary_bg_k": 89.25317023778379,
  "summary_bg_mad": 9.634947658043197,
  "summary_bg_mean": 13.966259002685547,
  "summary_bg_median": 12.92381763458252,
  "summary_bg_n": 147801.0,
  "summary_bg_p05": 0.0,
  "summary_bg_p95": 32.87278747558594,
  "summary_bg_stdv": 11.36050033569336,
  "summary_csf_k": 39.67107008698454,
  "summary_csf_mad": 158.1368013084267,
  "summary_csf_mean": 272.61962890625,
  "summary_csf_median": 287.6958923339844,
  "summary_csf_n": 4815.0,
  "summary_csf_p05": 75.54113540649413,
  "summary_csf_p95": 463.90434570312505,
  "summary_csf_stdv": 136.92689514160156,
  "summary_gm_k": 0.6222417614853675,
  "summary_gm_mad": 69.93717177149797,
  "summary_gm_mean": 614.7719116210938,
  "summary_gm_median": 611.7606201171875,
  "summary_gm_n": 18500.0,
  "summary_gm_p05": 493.6665557861328,
  "summary_gm_p95": 748.2497589111329,
  "summary_gm_stdv": 76.51311492919922,
  "summary_wm_k": 1.1864485685125388,
  "summary_wm_mad": 46.306615324048835,
  "summary_wm_mean": 996.9396362304688,
  "summary_wm_median": 999.98974609375,
  "summary_wm_n": 189718.0,
  "summary_wm_p05": 903.8765472412109,
  "summary_wm_p95": 1076.9364807128907,
  "summary_wm_stdv": 52.795536041259766,
  "tpm_overlap_csf": 0.15650202333927155,
  "tpm_overlap_gm": 0.4469190239906311,
  "tpm_overlap_wm": 0.4894123077392578,
  "wm2max": 0.727055679143289
}