{
  "aor": 0.001021659663865546,
  "aqi": 0.007297271701680672,
  "bids_meta": {
    "AcquisitionNumber": 6,
    "BidsifyVersion": "0.3.5",
    "ConversionSoftware": "dcm2niix",
    "ConversionSoftwareVersion": "v1.0.20181125  GCC6.3.0",
    "EchoTime": 0.02762,
    "ImageComments": "piop",
    "ImageOrientationPatientDICOM": [
      0.999095,
      0.0282806,
      0.0317775,
      -0.0230216,
      0.987624,
      -0.155139
    ],
    "Manufacturer": "Philips",
    "NumberOfVolumesDiscardedByScanner": 2,
    "ParallelAcquisitionTechnique": "SENSE",
    "ParallelReductionFactorInPlane": 2,
    "PatientPosition": "HFS",
    "PhaseEncodingDirection": "j",
    "PhilipsRescaleIntercept": 0,
    "PhilipsRescaleSlope": 0.7939,
    "PhilipsScaleSlope": 0.0962339,
    "ProtocolName": "WIPpioprsSENSE",
    "PulseSequenceType": "gradient echo EPI",
    "ReconMatrixPE": 80,
    "RepetitionTime": 0.75,
    "SeriesDescription": "ImageMRSERIES",
    "SeriesNumber": 6,
    "SliceEncodingDirection": "k",
    "TaskName": "restingstate",
    "UsePhilipsFloatNotDisplayScaling": 1,
    "acq_id": "mb3",
    "dataset": "ds002785",
    "modality": "bold",
    "subject_id": "0216",
    "task_id": "restingstate"
  },
  "dummy_trs": 4,
  "dvars_nstd": 28.819367619726354,
  "dvars_std": 1.1185919870947372,
  "dvars_vstd": 1.003768652589473,
  "efc": 0.4247124450002899,
  "fber": 166263.625,
  "fd_mean": 0.09877597444618741,
  "fd_num": 10,
  "fd_perc": 2.100840336134454,
  "fwhm_avg": 2.0853753631397183,
  "fwhm_x": 2.03808,
  "fwhm_y": 2.2240066666666665,
  "fwhm_z": 1.9940394227524876,
  "gcor": 0.0179342,
  "gsr_x": -0.025913076475262642,
  "gsr_y": 0.019529052078723907,
  "provenance": {
    "md5sum": "f4162ce1ffabce0de468d0ff01703c49",
    "settings": {
      "fd_thres": 0.2,
      "testing": false
    },
    "software": "mriqc",
    "version": "23.0.1",
    "webapi_port": null,
    "webapi_url": "https://mriqc.nimh.nih.gov/api/v1"
  },
  "size_t": 476,
  "size_x": 80,
  "size_y": 80,
  "size_z": 36,
  "snr": 5.48342536609305,
  "spacing_tr": 0.75,
  "spacing_x": 3.0,
  "spacing_y": 3.0,
  "spacing_z": 3.299999952316284,
  "summary_bg_k": 33.07602114219455,
  "summary_bg_mad": 44.228838471986265,
  "summary_bg_mean": 381.5376281738281,
  "summary_bg_median": 39.488548278808594,
  "summary_bg_n": 155974.0,
  "summary_bg_p05": 1.2079823553562166,
  "summary_bg_p95": 2065.3819458007815,
  "summary_bg_stdv": 1040.8585205078125,
  "summary_fg_k": 0.24181597162290114,
  "summary_fg_mad": 2956.754762648705,
  "summary_fg_mean": 16647.64453125,
  "summary_fg_median": 16529.96484375,
  "summary_fg_n": 33414.0,
  "summary_fg_p05": 11892.463232421875,
  "summary_fg_p95": 21754.343554687497,
  "summary_fg_stdv": 3014.487548828125,
  "tsnr": 50.056907653808594
}