{
  "bids_meta": {
    "AcquisitionNumber": 4,
    "BidsifyVersion": "0.3.5",
    "ConversionSoftware": "dcm2niix",
    "ConversionSoftwareVersion": "v1.0.20181125  GCC6.3.0",
    "EchoTime": 0.00374,
    "ImageComments": "Piop",
    "ImageOrientationPatientDICOM": [
      0.999036,
      0.0295044,
      -0.0325106,
      -0.0287781,
      0.999331,
      0.0225859
    ],
    "Manufacturer": "Philips",
    "PatientPosition": "HFS",
    "PhilipsRescaleIntercept": 0,
    "PhilipsRescaleSlope": 7.66569,
    "PhilipsScaleSlope": 0.00679612,
    "ProtocolName": "WIPt13dSENSE",
    "ReconMatrixPE": 240,
    "RepetitionTime": 0.008156,
    "SeriesDescription": "ImageMRSERIES",
    "SeriesNumber": 4,
    "UsePhilipsFloatNotDisplayScaling": 1,
    "dataset": "ds002785",
    "modality": "T1w",
    "subject_id": "0137"
  },
  "cjv": 0.3126478083951482,
  "cnr": 4.060062511167623,
  "efc": 0.7477966012055884,
  "fber": 549.6571655273438,
  "fwhm_avg": 3.3899635353909052,
  "fwhm_x": 3.392050202181947,
  "fwhm_y": 3.4959402083742743,
  "fwhm_z": 3.2819001956164953,
  "icvs_csf": 0.22093842000810554,
  "icvs_gm": 0.4359921676392746,
  "icvs_wm": 0.34306941235261984,
  "inu_med": 1.8278861045837402,
  "inu_range": 0.3712182879447934,
  "provenance": {
    "md5sum": "1cf8c312bbf9eee4d21dfb97be54904b",
    "settings": {
      "testing": false
    },
    "software": "mriqc",
    "version": "22.0.0rc1",
    "warnings": {
      "large_rot_frame": true,
      "small_air_mask": true
    },
    "webapi_port": null,
    "webapi_url": "https://mriqc.nimh.nih.gov/api/v1"
  },
  "qi_1": 0.0,
  "qi_2": 4.616337356335816e-05,
  "rpve_csf": 24.600141909029254,
  "rpve_gm": 13.342255306685708,
  "rpve_wm": 21.548636675289856,
  "size_x": 240,
  "size_y": 240,
  "size_z": 220,
  "snr_csf": 3.245226205462864,
  "snr_gm": 7.094516648824235,
  "snr_total": 9.772278273840387,
  "snr_wm": 18.977091967234063,
  "snrd_csf": 25.255937390066496,
  "snrd_gm": 50.25106443652794,
  "snrd_total": 53.38193024433352,
  "snrd_wm": 84.63878890640612,
  "spacing_x": 0.9999999403953552,
  "spacing_y": 0.9999999403953552,
  "spacing_z": 0.9999999403953552,
  "summary_bg_k": 29.209542555414636,
  "summary_bg_mad": 7.740302386945619,
  "summary_bg_mean": 12.227729797363281,
  "summary_bg_median": 9.986618041992188,
  "summary_bg_n": 254881.0,
  "summary_bg_p05": 0.0,
  "summary_bg_p95": 35.47804260253906,
  "summary_bg_stdv": 15.301093101501465,
  "summary_csf_k": 4.025183586818237,
  "summary_csf_mad": 72.0284946808367,
  "summary_csf_mean": 296.8191833496094,
  "summary_csf_median": 298.39373779296875,
  "summary_csf_n": 2772.0,
  "summary_csf_p05": 143.03651428222656,
  "summary_csf_p95": 437.82738342285154,
  "summary_csf_stdv": 91.93193054199219,
  "summary_gm_k": 0.29045505277588957,
  "summary_gm_mad": 80.14648611446243,
  "summary_gm_mean": 594.3546752929688,
  "summary_gm_median": 593.7060546875,
  "summary_gm_n": 19607.0,
  "summary_gm_p05": 457.71429748535155,
  "summary_gm_p95": 734.3941223144533,
  "summary_gm_stdv": 83.68306732177734,
  "summary_wm_k": 1.0882523695320705,
  "summary_wm_mad": 46.87729592042369,
  "summary_wm_mean": 998.9063720703125,
  "summary_wm_median": 999.989990234375,
  "summary_wm_n": 184908.0,
  "summary_wm_p05": 910.8112060546875,
  "summary_wm_p95": 1082.8874389648438,
  "summary_wm_stdv": 52.69444274902344,
  "tpm_overlap_csf": 0.14831018447875977,
  "tpm_overlap_gm": 0.4432743787765503,
  "tpm_overlap_wm": 0.5070491433143616,
  "wm2max": 0.6065235257034823
}