{
  "aor": 0.0006732499999999999,
  "aqi": 0.00639929425,
  "bids_meta": {
    "AcquisitionNumber": 10,
    "BidsifyVersion": "0.3.5",
    "ConversionSoftware": "dcm2niix",
    "ConversionSoftwareVersion": "v1.0.20181125  GCC6.3.0",
    "EchoTime": 0.02762,
    "EffectiveEchoSpacing": 0.0006621159151938905,
    "ImageComments": "Piop",
    "ImageOrientationPatientDICOM": [
      0.999925,
      0.00854606,
      0.00878249,
      -0.00715543,
      0.989006,
      -0.147703
    ],
    "Manufacturer": "Philips",
    "NumberOfVolumesDiscardedByScanner": 2,
    "ParallelAcquisitionTechnique": "SENSE",
    "ParallelReductionFactorInPlane": 2,
    "PatientPosition": "HFS",
    "PhaseEncodingDirection": "j",
    "PhilipsRescaleIntercept": 0,
    "PhilipsRescaleSlope": 0.81099,
    "PhilipsScaleSlope": 0.0543578,
    "ProtocolName": "WIPpiopanticipatieSENSE",
    "PulseSequenceType": "gradient echo EPI",
    "ReconMatrixPE": 80,
    "RepetitionTime": 2,
    "SeriesDescription": "ImageMRSERIES",
    "SeriesNumber": 10,
    "SliceEncodingDirection": "k",
    "SliceTiming": [
      0.0,
      0.0541,
      0.1081,
      0.1622,
      0.2162,
      0.2703,
      0.3243,
      0.3784,
      0.4324,
      0.4865,
      0.5405,
      0.5946,
      0.6486,
      0.7027,
      0.7568,
      0.8108,
      0.8649,
      0.9189,
      0.973,
      1.027,
      1.0811,
      1.1351,
      1.1892,
      1.2432,
      1.2973,
      1.3514,
      1.4054,
      1.4595,
      1.5135,
      1.5676,
      1.6216,
      1.6757,
      1.7297,
      1.7838,
      1.8378,
      1.8919,
      1.9459
    ],
    "TaskName": "anticipation",
    "TotalReadoutTime": 0.025822520692561732,
    "UsePhilipsFloatNotDisplayScaling": 1,
    "acq_id": "seq",
    "dataset": "ds002785",
    "modality": "bold",
    "subject_id": "0173",
    "task_id": "anticipation"
  },
  "dummy_trs": 0,
  "dvars_nstd": 24.73340668050251,
  "dvars_std": 1.1839979277386934,
  "dvars_vstd": 0.9787784265829151,
  "efc": 0.47497165032228567,
  "fber": 120039.9140625,
  "fd_mean": 0.16657253874755146,
  "fd_num": 55,
  "fd_perc": 27.5,
  "fwhm_avg": 1.74410717961349,
  "fwhm_x": 1.6809266666666665,
  "fwhm_y": 1.9119766666666667,
  "fwhm_z": 1.639418205507137,
  "gcor": 0.0207258,
  "gsr_x": -0.009663833305239677,
  "gsr_y": 0.025621775537729263,
  "provenance": {
    "md5sum": "4d4d6cd9d5e7706887d53915eb2c3065",
    "settings": {
      "fd_thres": 0.2,
      "testing": false
    },
    "software": "mriqc",
    "version": "22.0.0rc1",
    "webapi_port": null,
    "webapi_url": "https://mriqc.nimh.nih.gov/api/v1"
  },
  "size_t": 200,
  "size_x": 80,
  "size_y": 80,
  "size_z": 37,
  "snr": 5.171149662972137,
  "spacing_tr": 2.0,
  "spacing_x": 3.0,
  "spacing_y": 3.0,
  "spacing_z": 3.299999952316284,
  "summary_bg_k": 25.34130491948501,
  "summary_bg_mad": 75.83990458214964,
  "summary_bg_mean": 953.9539184570312,
  "summary_bg_median": 70.70620727539062,
  "summary_bg_n": 152607.0,
  "summary_bg_p05": 7.0416295528411865,
  "summary_bg_p95": 5701.613427734369,
  "summary_bg_stdv": 2367.96337890625,
  "summary_fg_k": 1.974813012408954,
  "summary_fg_mad": 4337.39333014255,
  "summary_fg_mean": 25329.375,
  "summary_fg_median": 25029.306640625,
  "summary_fg_n": 41939.0,
  "summary_fg_p05": 18206.30703125,
  "summary_fg_p95": 33248.799609375,
  "summary_fg_stdv": 4840.12451171875,
  "tsnr": 66.50684356689453
}