{
  "aor": 0.0005427272727272727,
  "aqi": 0.009189190636363635,
  "bids_meta": {
    "AcquisitionNumber": 2,
    "BidsifyVersion": "0.3.5",
    "ConversionSoftware": "dcm2niix",
    "ConversionSoftwareVersion": "v1.0.20181125  GCC6.3.0",
    "EchoTime": 0.02762,
    "EffectiveEchoSpacing": 0.0006333282667071997,
    "ImageComments": "Piop",
    "ImageOrientationPatientDICOM": [
      0.999925,
      0.00854606,
      0.00878249,
      -0.00715543,
      0.989006,
      -0.147703
    ],
    "Manufacturer": "Philips",
    "NumberOfVolumesDiscardedByScanner": 2,
    "ParallelAcquisitionTechnique": "SENSE",
    "ParallelReductionFactorInPlane": 2,
    "PatientPosition": "HFS",
    "PhaseEncodingDirection": "j",
    "PhilipsRescaleIntercept": 0,
    "PhilipsRescaleSlope": 0.81709,
    "PhilipsScaleSlope": 0.0780098,
    "ProtocolName": "WIPpiopfacesSENSE",
    "PulseSequenceType": "gradient echo EPI",
    "ReconMatrixPE": 80,
    "RepetitionTime": 0.75,
    "SeriesDescription": "ImageMRSERIES",
    "SeriesNumber": 2,
    "SliceEncodingDirection": "k",
    "SliceTiming": [
      0.0,
      0.06755050505050506,
      0.1351010101010101,
      0.20265151515151517,
      0.2702020202020202,
      0.3377525252525253,
      0.40530303030303033,
      0.47285353535353536,
      0.5404040404040404,
      0.6079545454545455,
      0.6755050505050506,
      0.7430555555555556,
      0.0,
      0.06755050505050506,
      0.1351010101010101,
      0.20265151515151517,
      0.2702020202020202,
      0.3377525252525253,
      0.40530303030303033,
      0.47285353535353536,
      0.5404040404040404,
      0.6079545454545455,
      0.6755050505050506,
      0.7430555555555556,
      0.0,
      0.06755050505050506,
      0.1351010101010101,
      0.20265151515151517,
      0.2702020202020202,
      0.3377525252525253,
      0.40530303030303033,
      0.47285353535353536,
      0.5404040404040404,
      0.6079545454545455,
      0.6755050505050506,
      0.7430555555555556
    ],
    "TaskName": "faces",
    "TotalReadoutTime": 0.024699802401580786,
    "UsePhilipsFloatNotDisplayScaling": 1,
    "acq_id": "mb3",
    "dataset": "ds002785",
    "modality": "bold",
    "subject_id": "0173",
    "task_id": "faces"
  },
  "dummy_trs": 0,
  "dvars_nstd": 24.6444943725228,
  "dvars_std": 1.1032258752583584,
  "dvars_vstd": 0.9950920290577496,
  "efc": 0.4804390663191453,
  "fber": 122797.0703125,
  "fd_mean": 0.1325711339917543,
  "fd_num": 35,
  "fd_perc": 10.606060606060606,
  "fwhm_avg": 1.9957128796448942,
  "fwhm_x": 2.0146833333333336,
  "fwhm_y": 2.1951733333333334,
  "fwhm_z": 1.7772819722680155,
  "gcor": 0.013699,
  "gsr_x": -0.012006131000816822,
  "gsr_y": 0.024486806243658066,
  "provenance": {
    "md5sum": "ac8b1e8f7080b5961deeff0080ed6117",
    "settings": {
      "fd_thres": 0.2,
      "testing": false
    },
    "software": "mriqc",
    "version": "22.0.0rc1",
    "webapi_port": null,
    "webapi_url": "https://mriqc.nimh.nih.gov/api/v1"
  },
  "size_t": 330,
  "size_x": 80,
  "size_y": 80,
  "size_z": 36,
  "snr": 6.301318702084861,
  "spacing_tr": 0.75,
  "spacing_x": 3.0,
  "spacing_y": 3.0,
  "spacing_z": 3.299999713897705,
  "summary_bg_k": 20.354393653192872,
  "summary_bg_mad": 61.697013437728096,
  "summary_bg_mean": 713.87890625,
  "summary_bg_median": 55.04475402832031,
  "summary_bg_n": 147935.0,
  "summary_bg_p05": 5.975395154953004,
  "summary_bg_p95": 4061.575683593745,
  "summary_bg_stdv": 1650.203369140625,
  "summary_fg_k": 1.1088277159221684,
  "summary_fg_mad": 2907.4032204416917,
  "summary_fg_mean": 19543.07421875,
  "summary_fg_median": 19612.40234375,
  "summary_fg_n": 40831.0,
  "summary_fg_p05": 14463.318359375,
  "summary_fg_p95": 24476.23046875,
  "summary_fg_stdv": 3112.39013671875,
  "tsnr": 54.212684631347656
}