{
  "aor": 0.001208962962962963,
  "aqi": 0.004157788888888889,
  "bids_meta": {
    "AcquisitionNumber": 5,
    "BidsifyVersion": "0.3.5",
    "ConversionSoftware": "dcm2niix",
    "ConversionSoftwareVersion": "v1.0.20181125  GCC6.3.0",
    "EchoTime": 0.02762,
    "EffectiveEchoSpacing": 0.0006621159151938905,
    "ImageComments": "Piop",
    "ImageOrientationPatientDICOM": [
      0.999925,
      0.00854606,
      0.00878249,
      -0.00715543,
      0.989006,
      -0.147703
    ],
    "Manufacturer": "Philips",
    "NumberOfVolumesDiscardedByScanner": 2,
    "ParallelAcquisitionTechnique": "SENSE",
    "ParallelReductionFactorInPlane": 2,
    "PatientPosition": "HFS",
    "PhaseEncodingDirection": "j",
    "PhilipsRescaleIntercept": 0,
    "PhilipsRescaleSlope": 0.8486,
    "PhilipsScaleSlope": 0.0512588,
    "ProtocolName": "WIPpiopharririSENSE",
    "PulseSequenceType": "gradient echo EPI",
    "ReconMatrixPE": 80,
    "RepetitionTime": 2,
    "SeriesDescription": "ImageMRSERIES",
    "SeriesNumber": 5,
    "SliceEncodingDirection": "k",
    "SliceTiming": [
      0.0,
      0.0541,
      0.1081,
      0.1622,
      0.2162,
      0.2703,
      0.3243,
      0.3784,
      0.4324,
      0.4865,
      0.5405,
      0.5946,
      0.6486,
      0.7027,
      0.7568,
      0.8108,
      0.8649,
      0.9189,
      0.973,
      1.027,
      1.0811,
      1.1351,
      1.1892,
      1.2432,
      1.2973,
      1.3514,
      1.4054,
      1.4595,
      1.5135,
      1.5676,
      1.6216,
      1.6757,
      1.7297,
      1.7838,
      1.8378,
      1.8919,
      1.9459
    ],
    "TaskName": "emomatching",
    "TotalReadoutTime": 0.025822520692561732,
    "UsePhilipsFloatNotDisplayScaling": 1,
    "acq_id": "seq",
    "dataset": "ds002785",
    "modality": "bold",
    "subject_id": "0173",
    "task_id": "emomatching"
  },
  "dummy_trs": 0,
  "dvars_nstd": 24.762139619253738,
  "dvars_std": 1.2561287586567171,
  "dvars_vstd": 1.0077028955223883,
  "efc": 0.4742918828627167,
  "fber": 123816.625,
  "fd_mean": 0.13098909286806623,
  "fd_num": 15,
  "fd_perc": 11.11111111111111,
  "fwhm_avg": 1.7429713210483866,
  "fwhm_x": 1.6866733333333332,
  "fwhm_y": 1.8985133333333335,
  "fwhm_z": 1.6437272964784924,
  "gcor": 0.0158558,
  "gsr_x": -0.009507251903414726,
  "gsr_y": 0.02526882104575634,
  "provenance": {
    "md5sum": "e5b20d71f7b352dd8d6620b7a1c7bd18",
    "settings": {
      "fd_thres": 0.2,
      "testing": false
    },
    "software": "mriqc",
    "version": "22.0.0rc1",
    "webapi_port": null,
    "webapi_url": "https://mriqc.nimh.nih.gov/api/v1"
  },
  "size_t": 135,
  "size_x": 80,
  "size_y": 80,
  "size_z": 37,
  "snr": 5.107495056103548,
  "spacing_tr": 2.0,
  "spacing_x": 3.0,
  "spacing_y": 3.0,
  "spacing_z": 3.299999952316284,
  "summary_bg_k": 25.9568105483988,
  "summary_bg_mad": 76.8159785669685,
  "summary_bg_mean": 957.946044921875,
  "summary_bg_median": 70.70472717285156,
  "summary_bg_n": 152485.0,
  "summary_bg_p05": 6.351556777954103,
  "summary_bg_p95": 5721.056542968748,
  "summary_bg_stdv": 2406.23046875,
  "summary_fg_k": 1.9644678120081176,
  "summary_fg_mad": 4469.250817097163,
  "summary_fg_mean": 25742.8828125,
  "summary_fg_median": 25453.1875,
  "summary_fg_n": 42056.0,
  "summary_fg_p05": 18389.599609375,
  "summary_fg_p95": 33919.5546875,
  "summary_fg_stdv": 4983.43798828125,
  "tsnr": 77.78194427490234
}