{
  "aor": 0.0014918124999999996,
  "aqi": 0.011943727875,
  "bids_meta": {
    "AcquisitionNumber": 7,
    "BidsifyVersion": "0.3.5",
    "ConversionSoftware": "dcm2niix",
    "ConversionSoftwareVersion": "v1.0.20181125  GCC6.3.0",
    "EchoTime": 0.02762,
    "EffectiveEchoSpacing": 0.0006333282667071997,
    "ImageComments": "Piop",
    "ImageOrientationPatientDICOM": [
      0.999925,
      0.00854606,
      0.00878249,
      -0.00715543,
      0.989006,
      -0.147703
    ],
    "Manufacturer": "Philips",
    "NumberOfVolumesDiscardedByScanner": 2,
    "ParallelAcquisitionTechnique": "SENSE",
    "ParallelReductionFactorInPlane": 2,
    "PatientPosition": "HFS",
    "PhaseEncodingDirection": "j",
    "PhilipsRescaleIntercept": 0,
    "PhilipsRescaleSlope": 0.80586,
    "PhilipsScaleSlope": 0.0803813,
    "ProtocolName": "WIPpioprsSENSE",
    "PulseSequenceType": "gradient echo EPI",
    "ReconMatrixPE": 80,
    "RepetitionTime": 0.75,
    "SeriesDescription": "ImageMRSERIES",
    "SeriesNumber": 7,
    "SliceEncodingDirection": "k",
    "SliceTiming": [
      0.0,
      0.06755050505050506,
      0.1351010101010101,
      0.20265151515151517,
      0.2702020202020202,
      0.3377525252525253,
      0.40530303030303033,
      0.47285353535353536,
      0.5404040404040404,
      0.6079545454545455,
      0.6755050505050506,
      0.7430555555555556,
      0.0,
      0.06755050505050506,
      0.1351010101010101,
      0.20265151515151517,
      0.2702020202020202,
      0.3377525252525253,
      0.40530303030303033,
      0.47285353535353536,
      0.5404040404040404,
      0.6079545454545455,
      0.6755050505050506,
      0.7430555555555556,
      0.0,
      0.06755050505050506,
      0.1351010101010101,
      0.20265151515151517,
      0.2702020202020202,
      0.3377525252525253,
      0.40530303030303033,
      0.47285353535353536,
      0.5404040404040404,
      0.6079545454545455,
      0.6755050505050506,
      0.7430555555555556
    ],
    "TaskName": "restingstate",
    "TotalReadoutTime": 0.024699802401580786,
    "UsePhilipsFloatNotDisplayScaling": 1,
    "acq_id": "mb3",
    "dataset": "ds002785",
    "modality": "bold",
    "subject_id": "0173",
    "task_id": "restingstate"
  },
  "dummy_trs": 0,
  "dvars_nstd": 28.436911350000003,
  "dvars_std": 1.112127182484342,
  "dvars_vstd": 1.0140286952818371,
  "efc": 0.4794728982567448,
  "fber": 123345.4609375,
  "fd_mean": 0.12289452707843337,
  "fd_num": 43,
  "fd_perc": 8.958333333333334,
  "fwhm_avg": 1.7892165736155867,
  "fwhm_x": 1.7627433333333336,
  "fwhm_y": 1.95247,
  "fwhm_z": 1.6524363875134263,
  "gcor": 0.0124624,
  "gsr_x": -0.011478093452751637,
  "gsr_y": 0.024576392024755478,
  "provenance": {
    "md5sum": "44b33a50972842936e5b0e06b798eb7f",
    "settings": {
      "fd_thres": 0.2,
      "testing": false
    },
    "software": "mriqc",
    "version": "22.0.0rc1",
    "webapi_port": null,
    "webapi_url": "https://mriqc.nimh.nih.gov/api/v1"
  },
  "size_t": 480,
  "size_x": 80,
  "size_y": 80,
  "size_z": 36,
  "snr": 6.008674860459549,
  "spacing_tr": 0.75,
  "spacing_x": 3.0,
  "spacing_y": 3.0,
  "spacing_z": 3.299999952316284,
  "summary_bg_k": 19.624987563487792,
  "summary_bg_mad": 61.64835197880467,
  "summary_bg_mean": 729.4462890625,
  "summary_bg_median": 53.36656951904297,
  "summary_bg_n": 148128.0,
  "summary_bg_p05": 4.419141030311585,
  "summary_bg_p95": 4258.6895751953125,
  "summary_bg_stdv": 1727.9072265625,
  "summary_fg_k": 1.552358064350896,
  "summary_fg_mad": 2932.7681699202067,
  "summary_fg_mean": 19209.22265625,
  "summary_fg_median": 19281.666015625,
  "summary_fg_n": 40816.0,
  "summary_fg_p05": 14101.305419921875,
  "summary_fg_p95": 24267.34228515625,
  "summary_fg_stdv": 3208.93212890625,
  "tsnr": 45.83491516113281
}