{
  "aor": 0.0034587755102040815,
  "aqi": 0.012967452081632655,
  "bids_meta": {
    "AcquisitionNumber": 3,
    "BidsifyVersion": "0.3.5",
    "ConversionSoftware": "dcm2niix",
    "ConversionSoftwareVersion": "v1.0.20181125  GCC6.3.0",
    "EchoTime": 0.02762,
    "EffectiveEchoSpacing": 0.0006621159151938905,
    "ImageComments": "Piop",
    "ImageOrientationPatientDICOM": [
      0.999925,
      0.00854606,
      0.00878249,
      -0.00715543,
      0.989006,
      -0.147703
    ],
    "Manufacturer": "Philips",
    "NumberOfVolumesDiscardedByScanner": 2,
    "ParallelAcquisitionTechnique": "SENSE",
    "ParallelReductionFactorInPlane": 2,
    "PatientPosition": "HFS",
    "PhaseEncodingDirection": "j",
    "PhilipsRescaleIntercept": 0,
    "PhilipsRescaleSlope": 0.8022,
    "PhilipsScaleSlope": 0.052774,
    "ProtocolName": "WIPpiopgstroopSENSE",
    "PulseSequenceType": "gradient echo EPI",
    "ReconMatrixPE": 80,
    "RepetitionTime": 2,
    "SeriesDescription": "ImageMRSERIES",
    "SeriesNumber": 3,
    "SliceEncodingDirection": "k",
    "SliceTiming": [
      0.0,
      0.0541,
      0.1081,
      0.1622,
      0.2162,
      0.2703,
      0.3243,
      0.3784,
      0.4324,
      0.4865,
      0.5405,
      0.5946,
      0.6486,
      0.7027,
      0.7568,
      0.8108,
      0.8649,
      0.9189,
      0.973,
      1.027,
      1.0811,
      1.1351,
      1.1892,
      1.2432,
      1.2973,
      1.3514,
      1.4054,
      1.4595,
      1.5135,
      1.5676,
      1.6216,
      1.6757,
      1.7297,
      1.7838,
      1.8378,
      1.8919,
      1.9459
    ],
    "TaskName": "gstroop",
    "TotalReadoutTime": 0.025822520692561732,
    "UsePhilipsFloatNotDisplayScaling": 1,
    "acq_id": "seq",
    "dataset": "ds002785",
    "modality": "bold",
    "subject_id": "0173",
    "task_id": "gstroop"
  },
  "dummy_trs": 0,
  "dvars_nstd": 23.638727461803292,
  "dvars_std": 1.1706107930737715,
  "dvars_vstd": 0.9921416696721314,
  "efc": 0.47330642883756346,
  "fber": 127386.6875,
  "fd_mean": 0.14320940840204607,
  "fd_num": 36,
  "fd_perc": 14.693877551020408,
  "fwhm_avg": 1.7089755630242383,
  "fwhm_x": 1.6821066666666666,
  "fwhm_y": 1.8941866666666665,
  "fwhm_z": 1.5506333557393819,
  "gcor": 0.0149366,
  "gsr_x": -0.010100914165377617,
  "gsr_y": 0.02519313246011734,
  "provenance": {
    "md5sum": "ae5ae6448e1bc0721f64a4e86afcf612",
    "settings": {
      "fd_thres": 0.2,
      "testing": false
    },
    "software": "mriqc",
    "version": "22.0.0rc1",
    "webapi_port": null,
    "webapi_url": "https://mriqc.nimh.nih.gov/api/v1"
  },
  "size_t": 245,
  "size_x": 80,
  "size_y": 80,
  "size_z": 37,
  "snr": 5.242088454676646,
  "spacing_tr": 2.0,
  "spacing_x": 3.0,
  "spacing_y": 3.0,
  "spacing_z": 3.299999952316284,
  "summary_bg_k": 26.67972640290272,
  "summary_bg_mad": 74.70858504680564,
  "summary_bg_mean": 945.5567016601562,
  "summary_bg_median": 69.65770721435547,
  "summary_bg_n": 152803.0,
  "summary_bg_p05": 7.333797264099121,
  "summary_bg_p95": 5559.520019531245,
  "summary_bg_stdv": 2374.77001953125,
  "summary_fg_k": 2.0769876649374845,
  "summary_fg_mad": 4331.662725083132,
  "summary_fg_mean": 25767.39453125,
  "summary_fg_median": 25423.64453125,
  "summary_fg_n": 41831.0,
  "summary_fg_p05": 18746.7080078125,
  "summary_fg_p95": 33772.142578125,
  "summary_fg_stdv": 4849.849609375,
  "tsnr": 51.86088562011719
}