{
  "bids_meta": {
    "AcquisitionNumber": 4,
    "BidsifyVersion": "0.3.5",
    "ConversionSoftware": "dcm2niix",
    "ConversionSoftwareVersion": "v1.0.20181125  GCC6.3.0",
    "EchoTime": 0.00375,
    "ImageComments": "piop",
    "ImageOrientationPatientDICOM": [
      0.996691,
      -0.0811236,
      0.00510777,
      0.0810673,
      0.996654,
      0.0103965
    ],
    "Manufacturer": "Philips",
    "PatientPosition": "HFS",
    "PhilipsRescaleIntercept": 0,
    "PhilipsRescaleSlope": 8.72552,
    "PhilipsScaleSlope": 0.00732313,
    "ProtocolName": "WIPt13dSENSE",
    "ReconMatrixPE": 240,
    "RepetitionTime": 0.008138,
    "SeriesDescription": "ImageMRSERIES",
    "SeriesNumber": 4,
    "UsePhilipsFloatNotDisplayScaling": 1,
    "dataset": "ds002785",
    "modality": "T1w",
    "subject_id": "0166"
  },
  "cjv": 0.35413613704425884,
  "cnr": 3.5349845950002305,
  "efc": 0.7545148218346903,
  "fber": 1658.7347412109375,
  "fwhm_avg": 3.5628933333333332,
  "fwhm_x": 3.56982,
  "fwhm_y": 3.62989,
  "fwhm_z": 3.48897,
  "icvs_csf": 0.23409864646264134,
  "icvs_gm": 0.3956348876621574,
  "icvs_wm": 0.3702664658752013,
  "inu_med": 1.7676854133605957,
  "inu_range": 0.4635310769081116,
  "provenance": {
    "md5sum": "d023380f1d907a3b2120bbe42cbfc8cf",
    "settings": {
      "testing": false
    },
    "software": "mriqc",
    "version": "22.0.0rc1",
    "warnings": {
      "large_rot_frame": true,
      "small_air_mask": false
    },
    "webapi_port": null,
    "webapi_url": "https://mriqc.nimh.nih.gov/api/v1"
  },
  "qi_1": 0.0,
  "qi_2": 3.2840920118921604e-05,
  "rpve_csf": 25.639903883451538,
  "rpve_gm": 15.091110394340573,
  "rpve_wm": 21.207765572449347,
  "size_x": 240,
  "size_y": 240,
  "size_z": 220,
  "snr_csf": 3.0045177823594806,
  "snr_gm": 7.683071754684691,
  "snr_total": 9.939871996360813,
  "snr_wm": 19.132026452038268,
  "snrd_csf": 24.669662774029934,
  "snrd_gm": 46.47970681201419,
  "snrd_total": 47.6768251982646,
  "snrd_wm": 71.88110600874968,
  "spacing_x": 1.0,
  "spacing_y": 1.0,
  "spacing_z": 1.0,
  "summary_bg_k": 18.91909483114587,
  "summary_bg_mad": 9.114188323006367,
  "summary_bg_mean": 15.394575119018555,
  "summary_bg_median": 12.100126266479492,
  "summary_bg_n": 341319.0,
  "summary_bg_p05": 0.0,
  "summary_bg_p95": 42.182075500488274,
  "summary_bg_stdv": 13.365569114685059,
  "summary_csf_k": -0.041108512754008064,
  "summary_csf_mad": 105.58803610432811,
  "summary_csf_mean": 325.76434326171875,
  "summary_csf_median": 343.2017517089844,
  "summary_csf_n": 7861.0,
  "summary_csf_p05": 113.11283111572266,
  "summary_csf_p95": 487.5287170410156,
  "summary_csf_stdv": 114.22129821777344,
  "summary_gm_k": 0.7700578274228511,
  "summary_gm_mad": 77.6918763440722,
  "summary_gm_mean": 650.73486328125,
  "summary_gm_median": 646.6207885742188,
  "summary_gm_n": 16352.0,
  "summary_gm_p05": 520.7472534179688,
  "summary_gm_p95": 797.160073852539,
  "summary_gm_stdv": 84.1591796875,
  "summary_wm_k": 0.9545288405009136,
  "summary_wm_mad": 47.45331547742427,
  "summary_wm_mean": 998.34228515625,
  "summary_wm_median": 1000.0023803710938,
  "summary_wm_n": 204946.0,
  "summary_wm_p05": 909.4914245605469,
  "summary_wm_p95": 1079.9872131347656,
  "summary_wm_stdv": 52.268375396728516,
  "tpm_overlap_csf": 0.15104077756404877,
  "tpm_overlap_gm": 0.4288991689682007,
  "tpm_overlap_wm": 0.49120694398880005,
  "wm2max": 0.7109306814606685
}