{
  "aor": 0.0003388679245283019,
  "aqi": 0.010285598343815512,
  "bids_meta": {
    "AcquisitionNumber": 6,
    "BidsifyVersion": "0.3.5",
    "ConversionSoftware": "dcm2niix",
    "ConversionSoftwareVersion": "v1.0.20181125  GCC6.3.0",
    "EchoTime": 0.02762,
    "EffectiveEchoSpacing": 0.0006333282667071997,
    "ImageComments": "PIoP",
    "ImageOrientationPatientDICOM": [
      0.997726,
      -0.0544662,
      0.0396932,
      0.0585769,
      0.992085,
      -0.111068
    ],
    "Manufacturer": "Philips",
    "NumberOfVolumesDiscardedByScanner": 2,
    "ParallelAcquisitionTechnique": "SENSE",
    "ParallelReductionFactorInPlane": 2,
    "PatientPosition": "HFS",
    "PhaseEncodingDirection": "j",
    "PhilipsRescaleIntercept": 0,
    "PhilipsRescaleSlope": 0.78877,
    "PhilipsScaleSlope": 0.0925917,
    "ProtocolName": "WIPpioprsSENSE",
    "PulseSequenceType": "gradient echo EPI",
    "ReconMatrixPE": 80,
    "RepetitionTime": 0.75,
    "SeriesDescription": "ImageMRSERIES",
    "SeriesNumber": 6,
    "SliceEncodingDirection": "k",
    "SliceTiming": [
      0.0,
      0.06755050505050506,
      0.1351010101010101,
      0.20265151515151517,
      0.2702020202020202,
      0.3377525252525253,
      0.40530303030303033,
      0.47285353535353536,
      0.5404040404040404,
      0.6079545454545455,
      0.6755050505050506,
      0.7430555555555556,
      0.0,
      0.06755050505050506,
      0.1351010101010101,
      0.20265151515151517,
      0.2702020202020202,
      0.3377525252525253,
      0.40530303030303033,
      0.47285353535353536,
      0.5404040404040404,
      0.6079545454545455,
      0.6755050505050506,
      0.7430555555555556,
      0.0,
      0.06755050505050506,
      0.1351010101010101,
      0.20265151515151517,
      0.2702020202020202,
      0.3377525252525253,
      0.40530303030303033,
      0.47285353535353536,
      0.5404040404040404,
      0.6079545454545455,
      0.6755050505050506,
      0.7430555555555556
    ],
    "TaskName": "restingstate",
    "TotalReadoutTime": 0.024699802401580786,
    "UsePhilipsFloatNotDisplayScaling": 1,
    "acq_id": "mb3",
    "dataset": "ds002785",
    "modality": "bold",
    "subject_id": "0187",
    "task_id": "restingstate"
  },
  "dummy_trs": 3,
  "dvars_nstd": 28.41850142119748,
  "dvars_std": 1.1483518389285707,
  "dvars_vstd": 1.0016658208823526,
  "efc": 0.46717523269779443,
  "fber": 141873.65625,
  "fd_mean": 0.10379254338957286,
  "fd_num": 17,
  "fd_perc": 3.5639412997903563,
  "fwhm_avg": 1.7390657654846429,
  "fwhm_x": 1.6821866666666667,
  "fwhm_y": 1.8929833333333335,
  "fwhm_z": 1.6420272964539282,
  "gcor": 0.00977165,
  "gsr_x": -0.014966345392167568,
  "gsr_y": 0.01711020991206169,
  "provenance": {
    "md5sum": "6a5fd1d718ca02af81b3d717130a9bc4",
    "settings": {
      "fd_thres": 0.2,
      "testing": false
    },
    "software": "mriqc",
    "version": "22.0.0rc1",
    "webapi_port": null,
    "webapi_url": "https://mriqc.nimh.nih.gov/api/v1"
  },
  "size_t": 477,
  "size_x": 80,
  "size_y": 80,
  "size_z": 36,
  "snr": 6.9559221735252335,
  "spacing_tr": 0.75,
  "spacing_x": 3.0,
  "spacing_y": 3.0,
  "spacing_z": 3.299999952316284,
  "summary_bg_k": 42.05704175704545,
  "summary_bg_mad": 46.07728603916315,
  "summary_bg_mean": 474.7431335449219,
  "summary_bg_median": 41.484352111816406,
  "summary_bg_n": 148674.0,
  "summary_bg_p05": 2.6902629852294924,
  "summary_bg_p95": 2685.6102783203164,
  "summary_bg_stdv": 1304.031494140625,
  "summary_fg_k": 2.1975392212589746,
  "summary_fg_mad": 2041.8197949444548,
  "summary_fg_mean": 16066.71484375,
  "summary_fg_median": 15958.45703125,
  "summary_fg_n": 40360.0,
  "summary_fg_p05": 12671.60283203125,
  "summary_fg_p95": 19776.344921875,
  "summary_fg_stdv": 2294.197509765625,
  "tsnr": 56.24281311035156
}