{
  "aor": 0.0012333333333333332,
  "aqi": 0.0033204588888888892,
  "bids_meta": {
    "AcquisitionNumber": 5,
    "BidsifyVersion": "0.3.5",
    "ConversionSoftware": "dcm2niix",
    "ConversionSoftwareVersion": "v1.0.20181125  GCC6.3.0",
    "EchoTime": 0.02762,
    "EffectiveEchoSpacing": 0.0006621159151938905,
    "ImageComments": "PIoP",
    "ImageOrientationPatientDICOM": [
      0.997726,
      -0.0544662,
      0.0396932,
      0.0585769,
      0.992085,
      -0.111068
    ],
    "Manufacturer": "Philips",
    "NumberOfVolumesDiscardedByScanner": 2,
    "ParallelAcquisitionTechnique": "SENSE",
    "ParallelReductionFactorInPlane": 2,
    "PatientPosition": "HFS",
    "PhaseEncodingDirection": "j",
    "PhilipsRescaleIntercept": 0,
    "PhilipsRescaleSlope": 0.74725,
    "PhilipsScaleSlope": 0.0596805,
    "ProtocolName": "WIPpiopharririSENSE",
    "PulseSequenceType": "gradient echo EPI",
    "ReconMatrixPE": 80,
    "RepetitionTime": 2,
    "SeriesDescription": "ImageMRSERIES",
    "SeriesNumber": 5,
    "SliceEncodingDirection": "k",
    "SliceTiming": [
      0.0,
      0.0541,
      0.1081,
      0.1622,
      0.2162,
      0.2703,
      0.3243,
      0.3784,
      0.4324,
      0.4865,
      0.5405,
      0.5946,
      0.6486,
      0.7027,
      0.7568,
      0.8108,
      0.8649,
      0.9189,
      0.973,
      1.027,
      1.0811,
      1.1351,
      1.1892,
      1.2432,
      1.2973,
      1.3514,
      1.4054,
      1.4595,
      1.5135,
      1.5676,
      1.6216,
      1.6757,
      1.7297,
      1.7838,
      1.8378,
      1.8919,
      1.9459
    ],
    "TaskName": "emomatching",
    "TotalReadoutTime": 0.025822520692561732,
    "UsePhilipsFloatNotDisplayScaling": 1,
    "acq_id": "seq",
    "dataset": "ds002785",
    "modality": "bold",
    "subject_id": "0187",
    "task_id": "emomatching"
  },
  "dummy_trs": 0,
  "dvars_nstd": 23.415896515149242,
  "dvars_std": 1.3286390045522392,
  "dvars_vstd": 1.017555514402985,
  "efc": 0.4594456918135155,
  "fber": 125610.296875,
  "fd_mean": 0.1007732660240144,
  "fd_num": 3,
  "fd_perc": 2.2222222222222223,
  "fwhm_avg": 1.8400987962767559,
  "fwhm_x": 1.7738033333333334,
  "fwhm_y": 2.0029233333333334,
  "fwhm_z": 1.7435697221636008,
  "gcor": 0.0183518,
  "gsr_x": -0.013656671158969402,
  "gsr_y": 0.01778598129749298,
  "provenance": {
    "md5sum": "3adb6a399bc98eea4dbedb0f94b71f26",
    "settings": {
      "fd_thres": 0.2,
      "testing": false
    },
    "software": "mriqc",
    "version": "22.0.0rc1",
    "webapi_port": null,
    "webapi_url": "https://mriqc.nimh.nih.gov/api/v1"
  },
  "size_t": 135,
  "size_x": 80,
  "size_y": 80,
  "size_z": 37,
  "snr": 5.171846518271545,
  "spacing_tr": 2.0,
  "spacing_x": 3.0,
  "spacing_y": 3.0,
  "spacing_z": 3.299999952316284,
  "summary_bg_k": 54.13371617607445,
  "summary_bg_mad": 64.45112956735161,
  "summary_bg_mean": 651.6097412109375,
  "summary_bg_median": 62.26023483276367,
  "summary_bg_n": 153455.0,
  "summary_bg_p05": 5.060827827453614,
  "summary_bg_p95": 3695.811181640621,
  "summary_bg_stdv": 1860.2366943359375,
  "summary_fg_k": 3.4205156882440733,
  "summary_fg_mad": 3803.2670588274304,
  "summary_fg_mean": 23228.4453125,
  "summary_fg_median": 22689.56640625,
  "summary_fg_n": 40996.0,
  "summary_fg_p05": 17365.8779296875,
  "summary_fg_p95": 30060.5498046875,
  "summary_fg_stdv": 4387.0771484375,
  "tsnr": 92.96661376953125
}