{
  "aor": 0.0007014693877551019,
  "aqi": 0.0038286637551020407,
  "bids_meta": {
    "AcquisitionNumber": 3,
    "BidsifyVersion": "0.3.5",
    "ConversionSoftware": "dcm2niix",
    "ConversionSoftwareVersion": "v1.0.20181125  GCC6.3.0",
    "EchoTime": 0.02762,
    "EffectiveEchoSpacing": 0.0006621159151938905,
    "ImageComments": "PIoP",
    "ImageOrientationPatientDICOM": [
      0.997726,
      -0.0544662,
      0.0396932,
      0.0585769,
      0.992085,
      -0.111068
    ],
    "Manufacturer": "Philips",
    "NumberOfVolumesDiscardedByScanner": 2,
    "ParallelAcquisitionTechnique": "SENSE",
    "ParallelReductionFactorInPlane": 2,
    "PatientPosition": "HFS",
    "PhaseEncodingDirection": "j",
    "PhilipsRescaleIntercept": 0,
    "PhilipsRescaleSlope": 0.78803,
    "PhilipsScaleSlope": 0.0583086,
    "ProtocolName": "WIPpiopgstroopSENSE",
    "PulseSequenceType": "gradient echo EPI",
    "ReconMatrixPE": 80,
    "RepetitionTime": 2,
    "SeriesDescription": "ImageMRSERIES",
    "SeriesNumber": 3,
    "SliceEncodingDirection": "k",
    "SliceTiming": [
      0.0,
      0.0541,
      0.1081,
      0.1622,
      0.2162,
      0.2703,
      0.3243,
      0.3784,
      0.4324,
      0.4865,
      0.5405,
      0.5946,
      0.6486,
      0.7027,
      0.7568,
      0.8108,
      0.8649,
      0.9189,
      0.973,
      1.027,
      1.0811,
      1.1351,
      1.1892,
      1.2432,
      1.2973,
      1.3514,
      1.4054,
      1.4595,
      1.5135,
      1.5676,
      1.6216,
      1.6757,
      1.7297,
      1.7838,
      1.8378,
      1.8919,
      1.9459
    ],
    "TaskName": "gstroop",
    "TotalReadoutTime": 0.025822520692561732,
    "UsePhilipsFloatNotDisplayScaling": 1,
    "acq_id": "seq",
    "dataset": "ds002785",
    "modality": "bold",
    "subject_id": "0187",
    "task_id": "gstroop"
  },
  "dummy_trs": 0,
  "dvars_nstd": 24.03640714245901,
  "dvars_std": 1.311317502049181,
  "dvars_vstd": 1.0034338380327856,
  "efc": 0.45947889569908756,
  "fber": 125050.7578125,
  "fd_mean": 0.10387147067832479,
  "fd_num": 7,
  "fd_perc": 2.857142857142857,
  "fwhm_avg": 1.8019353616926699,
  "fwhm_x": 1.7442633333333333,
  "fwhm_y": 1.9679366666666667,
  "fwhm_z": 1.6936060850780095,
  "gcor": 0.0127356,
  "gsr_x": -0.014210508204996586,
  "gsr_y": 0.017566688358783722,
  "provenance": {
    "md5sum": "c89908723a46a5edb3790b3cbf0a928e",
    "settings": {
      "fd_thres": 0.2,
      "testing": false
    },
    "software": "mriqc",
    "version": "22.0.0rc1",
    "webapi_port": null,
    "webapi_url": "https://mriqc.nimh.nih.gov/api/v1"
  },
  "size_t": 245,
  "size_x": 80,
  "size_y": 80,
  "size_z": 37,
  "snr": 5.2972377283063325,
  "spacing_tr": 2.0,
  "spacing_x": 3.0,
  "spacing_y": 3.0,
  "spacing_z": 3.299999952316284,
  "summary_bg_k": 53.99609325600778,
  "summary_bg_mad": 63.76273167599394,
  "summary_bg_mean": 644.5503540039062,
  "summary_bg_median": 61.47246551513672,
  "summary_bg_n": 153555.0,
  "summary_bg_p05": 5.076981687545777,
  "summary_bg_p95": 3620.3510986328097,
  "summary_bg_stdv": 1853.861083984375,
  "summary_fg_k": 3.5978538872044172,
  "summary_fg_mad": 3660.369687189121,
  "summary_fg_mean": 22875.048828125,
  "summary_fg_median": 22353.01171875,
  "summary_fg_n": 41066.0,
  "summary_fg_p05": 17293.58447265625,
  "summary_fg_p95": 29414.04638671875,
  "summary_fg_stdv": 4219.697265625,
  "tsnr": 90.3188705444336
}