{
  "aor": 0.0025766666666666668,
  "aqi": 0.004420707777777777,
  "bids_meta": {
    "AcquisitionNumber": 8,
    "BidsifyVersion": "0.3.5",
    "ConversionSoftware": "dcm2niix",
    "ConversionSoftwareVersion": "v1.0.20181125  GCC6.3.0",
    "EchoTime": 0.02762,
    "EffectiveEchoSpacing": 0.0006621159151938905,
    "ImageComments": "PIoP",
    "ImageOrientationPatientDICOM": [
      0.997726,
      -0.0544662,
      0.0396932,
      0.0585769,
      0.992085,
      -0.111068
    ],
    "Manufacturer": "Philips",
    "NumberOfVolumesDiscardedByScanner": 2,
    "ParallelAcquisitionTechnique": "SENSE",
    "ParallelReductionFactorInPlane": 2,
    "PatientPosition": "HFS",
    "PhaseEncodingDirection": "j",
    "PhilipsRescaleIntercept": 0,
    "PhilipsRescaleSlope": 0.76386,
    "PhilipsScaleSlope": 0.0598678,
    "ProtocolName": "WIPpiopwmSENSE",
    "PulseSequenceType": "gradient echo EPI",
    "ReconMatrixPE": 80,
    "RepetitionTime": 2,
    "SeriesDescription": "ImageMRSERIES",
    "SeriesNumber": 8,
    "SliceEncodingDirection": "k",
    "SliceTiming": [
      0.0,
      0.0541,
      0.1081,
      0.1622,
      0.2162,
      0.2703,
      0.3243,
      0.3784,
      0.4324,
      0.4865,
      0.5405,
      0.5946,
      0.6486,
      0.7027,
      0.7568,
      0.8108,
      0.8649,
      0.9189,
      0.973,
      1.027,
      1.0811,
      1.1351,
      1.1892,
      1.2432,
      1.2973,
      1.3514,
      1.4054,
      1.4595,
      1.5135,
      1.5676,
      1.6216,
      1.6757,
      1.7297,
      1.7838,
      1.8378,
      1.8919,
      1.9459
    ],
    "TaskName": "workingmemory",
    "TotalReadoutTime": 0.025822520692561732,
    "UsePhilipsFloatNotDisplayScaling": 1,
    "acq_id": "seq",
    "dataset": "ds002785",
    "modality": "bold",
    "subject_id": "0187",
    "task_id": "workingmemory"
  },
  "dummy_trs": 0,
  "dvars_nstd": 24.30986566726708,
  "dvars_std": 1.3526299622981366,
  "dvars_vstd": 1.0347354357763971,
  "efc": 0.46075981970964897,
  "fber": 123084.1875,
  "fd_mean": 0.11969529530219296,
  "fd_num": 11,
  "fd_perc": 6.790123456790123,
  "fwhm_avg": 1.8305643517865544,
  "fwhm_x": 1.7668233333333332,
  "fwhm_y": 1.9908000000000001,
  "fwhm_z": 1.7340697220263297,
  "gcor": 0.0146829,
  "gsr_x": -0.014959825202822685,
  "gsr_y": 0.019217194989323616,
  "provenance": {
    "md5sum": "c0363222def4eb90eff8b66527d6f454",
    "settings": {
      "fd_thres": 0.2,
      "testing": false
    },
    "software": "mriqc",
    "version": "22.0.0rc1",
    "webapi_port": null,
    "webapi_url": "https://mriqc.nimh.nih.gov/api/v1"
  },
  "size_t": 162,
  "size_x": 80,
  "size_y": 80,
  "size_z": 37,
  "snr": 5.2198599011312155,
  "spacing_tr": 2.0,
  "spacing_x": 3.0,
  "spacing_y": 3.0,
  "spacing_z": 3.299999952316284,
  "summary_bg_k": 56.073556136475574,
  "summary_bg_mad": 66.23410487784037,
  "summary_bg_mean": 677.9776611328125,
  "summary_bg_median": 62.88269805908203,
  "summary_bg_n": 153570.0,
  "summary_bg_p05": 5.070304751396179,
  "summary_bg_p95": 3885.7291625976477,
  "summary_bg_stdv": 1906.2354736328125,
  "summary_fg_k": 3.4972100502759913,
  "summary_fg_mad": 3776.8133233447,
  "summary_fg_mean": 23225.0546875,
  "summary_fg_median": 22689.447265625,
  "summary_fg_n": 41087.0,
  "summary_fg_p05": 17430.064843750002,
  "summary_fg_p95": 29982.320312499996,
  "summary_fg_stdv": 4346.701171875,
  "tsnr": 84.71144104003906
}