{
  "aor": 0.00039809090909090903,
  "aqi": 0.00830195009090909,
  "bids_meta": {
    "AcquisitionNumber": 2,
    "BidsifyVersion": "0.3.5",
    "ConversionSoftware": "dcm2niix",
    "ConversionSoftwareVersion": "v1.0.20181125  GCC6.3.0",
    "EchoTime": 0.02762,
    "EffectiveEchoSpacing": 0.0006333282667071997,
    "ImageComments": "PIoP",
    "ImageOrientationPatientDICOM": [
      0.997726,
      -0.0544662,
      0.0396932,
      0.0585769,
      0.992085,
      -0.111068
    ],
    "Manufacturer": "Philips",
    "NumberOfVolumesDiscardedByScanner": 2,
    "ParallelAcquisitionTechnique": "SENSE",
    "ParallelReductionFactorInPlane": 2,
    "PatientPosition": "HFS",
    "PhaseEncodingDirection": "j",
    "PhilipsRescaleIntercept": 0,
    "PhilipsRescaleSlope": 0.76459,
    "PhilipsScaleSlope": 0.0931233,
    "ProtocolName": "WIPpiopfacesSENSE",
    "PulseSequenceType": "gradient echo EPI",
    "ReconMatrixPE": 80,
    "RepetitionTime": 0.75,
    "SeriesDescription": "ImageMRSERIES",
    "SeriesNumber": 2,
    "SliceEncodingDirection": "k",
    "SliceTiming": [
      0.0,
      0.06755050505050506,
      0.1351010101010101,
      0.20265151515151517,
      0.2702020202020202,
      0.3377525252525253,
      0.40530303030303033,
      0.47285353535353536,
      0.5404040404040404,
      0.6079545454545455,
      0.6755050505050506,
      0.7430555555555556,
      0.0,
      0.06755050505050506,
      0.1351010101010101,
      0.20265151515151517,
      0.2702020202020202,
      0.3377525252525253,
      0.40530303030303033,
      0.47285353535353536,
      0.5404040404040404,
      0.6079545454545455,
      0.6755050505050506,
      0.7430555555555556,
      0.0,
      0.06755050505050506,
      0.1351010101010101,
      0.20265151515151517,
      0.2702020202020202,
      0.3377525252525253,
      0.40530303030303033,
      0.47285353535353536,
      0.5404040404040404,
      0.6079545454545455,
      0.6755050505050506,
      0.7430555555555556
    ],
    "TaskName": "faces",
    "TotalReadoutTime": 0.024699802401580786,
    "UsePhilipsFloatNotDisplayScaling": 1,
    "acq_id": "mb3",
    "dataset": "ds002785",
    "modality": "bold",
    "subject_id": "0187",
    "task_id": "faces"
  },
  "dummy_trs": 0,
  "dvars_nstd": 28.75805357395136,
  "dvars_std": 1.1693220182370827,
  "dvars_vstd": 1.0093055848936165,
  "efc": 0.46367614311942673,
  "fber": 146792.796875,
  "fd_mean": 0.11959475152687214,
  "fd_num": 23,
  "fd_perc": 6.96969696969697,
  "fwhm_avg": 1.814470513368752,
  "fwhm_x": 1.7567166666666667,
  "fwhm_y": 1.9596766666666667,
  "fwhm_z": 1.727018206772923,
  "gcor": 0.017076,
  "gsr_x": -0.014399402774870396,
  "gsr_y": 0.015557545237243176,
  "provenance": {
    "md5sum": "89d1895415e2e2951c3253360ac4750c",
    "settings": {
      "fd_thres": 0.2,
      "testing": false
    },
    "software": "mriqc",
    "version": "22.0.0rc1",
    "webapi_port": null,
    "webapi_url": "https://mriqc.nimh.nih.gov/api/v1"
  },
  "size_t": 330,
  "size_x": 80,
  "size_y": 80,
  "size_z": 36,
  "snr": 6.578698491188248,
  "spacing_tr": 0.75,
  "spacing_x": 3.0,
  "spacing_y": 3.0,
  "spacing_z": 3.299999952316284,
  "summary_bg_k": 43.26755163440387,
  "summary_bg_mad": 46.68930328367711,
  "summary_bg_mean": 454.4138488769531,
  "summary_bg_median": 42.23203659057617,
  "summary_bg_n": 148572.0,
  "summary_bg_p05": 2.6717847108840944,
  "summary_bg_p95": 2546.9220703124915,
  "summary_bg_stdv": 1255.9874267578125,
  "summary_fg_k": 1.6987517448188347,
  "summary_fg_mad": 2278.245621769312,
  "summary_fg_mean": 16705.544921875,
  "summary_fg_median": 16583.498046875,
  "summary_fg_n": 40393.0,
  "summary_fg_p05": 12942.15859375,
  "summary_fg_p95": 20851.787890625,
  "summary_fg_stdv": 2520.755859375,
  "tsnr": 59.43655014038086
}