{
  "aor": 0.000553795918367347,
  "aqi": 0.005037993428571428,
  "bids_meta": {
    "AcquisitionNumber": 3,
    "BidsifyVersion": "0.3.5",
    "ConversionSoftware": "dcm2niix",
    "ConversionSoftwareVersion": "v1.0.20181125  GCC6.3.0",
    "EchoTime": 0.02762,
    "EffectiveEchoSpacing": 0.0006621159151938905,
    "ImageComments": "Piop",
    "ImageOrientationPatientDICOM": [
      0.999836,
      0.0171544,
      0.00577315,
      -0.0139613,
      0.933931,
      -0.357179
    ],
    "Manufacturer": "Philips",
    "NumberOfVolumesDiscardedByScanner": 2,
    "ParallelAcquisitionTechnique": "SENSE",
    "ParallelReductionFactorInPlane": 2,
    "PatientPosition": "HFS",
    "PhaseEncodingDirection": "j",
    "PhilipsRescaleIntercept": 0,
    "PhilipsRescaleSlope": 0.77094,
    "PhilipsScaleSlope": 0.0603558,
    "ProtocolName": "WIPpiopgstroopSENSE",
    "PulseSequenceType": "gradient echo EPI",
    "ReconMatrixPE": 80,
    "RepetitionTime": 2,
    "SeriesDescription": "ImageMRSERIES",
    "SeriesNumber": 3,
    "SliceEncodingDirection": "k",
    "SliceTiming": [
      0.0,
      0.0541,
      0.1081,
      0.1622,
      0.2162,
      0.2703,
      0.3243,
      0.3784,
      0.4324,
      0.4865,
      0.5405,
      0.5946,
      0.6486,
      0.7027,
      0.7568,
      0.8108,
      0.8649,
      0.9189,
      0.973,
      1.027,
      1.0811,
      1.1351,
      1.1892,
      1.2432,
      1.2973,
      1.3514,
      1.4054,
      1.4595,
      1.5135,
      1.5676,
      1.6216,
      1.6757,
      1.7297,
      1.7838,
      1.8378,
      1.8919,
      1.9459
    ],
    "TaskName": "gstroop",
    "TotalReadoutTime": 0.025822520692561732,
    "UsePhilipsFloatNotDisplayScaling": 1,
    "acq_id": "seq",
    "dataset": "ds002785",
    "modality": "bold",
    "subject_id": "0042",
    "task_id": "gstroop"
  },
  "dummy_trs": 0,
  "dvars_nstd": 22.714829632377064,
  "dvars_std": 1.2918290766393439,
  "dvars_vstd": 0.9899906658196719,
  "efc": 0.4413500606805512,
  "fber": 127112.203125,
  "fd_mean": 0.09113758762042967,
  "fd_num": 4,
  "fd_perc": 1.6326530612244898,
  "fwhm_avg": 1.7557525334298374,
  "fwhm_x": 1.7298933333333333,
  "fwhm_y": 1.8396066666666666,
  "fwhm_z": 1.6977576002895123,
  "gcor": 0.0732695,
  "gsr_x": -0.010640475898981094,
  "gsr_y": 0.02174854837357998,
  "provenance": {
    "md5sum": "ee79954c502f094140d6456d7ad3c015",
    "settings": {
      "fd_thres": 0.2,
      "testing": false
    },
    "software": "mriqc",
    "version": "22.0.0rc1",
    "webapi_port": null,
    "webapi_url": "https://mriqc.nimh.nih.gov/api/v1"
  },
  "size_t": 245,
  "size_x": 80,
  "size_y": 80,
  "size_z": 37,
  "snr": 5.735336319203188,
  "spacing_tr": 2.0,
  "spacing_x": 3.0,
  "spacing_y": 3.0,
  "spacing_z": 3.299999952316284,
  "summary_bg_k": 107.93599273356963,
  "summary_bg_mad": 62.9811013363578,
  "summary_bg_mean": 611.3671264648438,
  "summary_bg_median": 62.37067413330078,
  "summary_bg_n": 156962.0,
  "summary_bg_p05": 6.06059958934784,
  "summary_bg_p95": 3481.715087890607,
  "summary_bg_stdv": 1931.981689453125,
  "summary_fg_k": 1.675864316941503,
  "summary_fg_mad": 3792.997432327567,
  "summary_fg_mean": 23202.728515625,
  "summary_fg_median": 22849.662109375,
  "summary_fg_n": 37136.0,
  "summary_fg_p05": 17483.4990234375,
  "summary_fg_p95": 29781.19970703125,
  "summary_fg_stdv": 3983.960693359375,
  "tsnr": 75.7667007446289
}