{
  "aor": 0.00063075,
  "aqi": 0.0037668128,
  "bids_meta": {
    "AcquisitionNumber": 9,
    "BidsifyVersion": "0.3.5",
    "ConversionSoftware": "dcm2niix",
    "ConversionSoftwareVersion": "v1.0.20181125  GCC6.3.0",
    "EchoTime": 0.02762,
    "EffectiveEchoSpacing": 0.0006621159151938905,
    "ImageComments": "Piop",
    "ImageOrientationPatientDICOM": [
      0.999836,
      0.0171544,
      0.00577315,
      -0.0139613,
      0.933931,
      -0.357179
    ],
    "Manufacturer": "Philips",
    "NumberOfVolumesDiscardedByScanner": 2,
    "ParallelAcquisitionTechnique": "SENSE",
    "ParallelReductionFactorInPlane": 2,
    "PatientPosition": "HFS",
    "PhaseEncodingDirection": "j",
    "PhilipsRescaleIntercept": 0,
    "PhilipsRescaleSlope": 0.77094,
    "PhilipsScaleSlope": 0.0644053,
    "ProtocolName": "WIPpiopanticipatieSENSE",
    "PulseSequenceType": "gradient echo EPI",
    "ReconMatrixPE": 80,
    "RepetitionTime": 2,
    "SeriesDescription": "ImageMRSERIES",
    "SeriesNumber": 9,
    "SliceEncodingDirection": "k",
    "SliceTiming": [
      0.0,
      0.0541,
      0.1081,
      0.1622,
      0.2162,
      0.2703,
      0.3243,
      0.3784,
      0.4324,
      0.4865,
      0.5405,
      0.5946,
      0.6486,
      0.7027,
      0.7568,
      0.8108,
      0.8649,
      0.9189,
      0.973,
      1.027,
      1.0811,
      1.1351,
      1.1892,
      1.2432,
      1.2973,
      1.3514,
      1.4054,
      1.4595,
      1.5135,
      1.5676,
      1.6216,
      1.6757,
      1.7297,
      1.7838,
      1.8378,
      1.8919,
      1.9459
    ],
    "TaskName": "anticipation",
    "TotalReadoutTime": 0.025822520692561732,
    "UsePhilipsFloatNotDisplayScaling": 1,
    "acq_id": "seq",
    "dataset": "ds002785",
    "modality": "bold",
    "subject_id": "0042",
    "task_id": "anticipation"
  },
  "dummy_trs": 0,
  "dvars_nstd": 20.31879567864323,
  "dvars_std": 1.2361125418592966,
  "dvars_vstd": 0.9994204784422115,
  "efc": 0.44286024961530074,
  "fber": 124968.0859375,
  "fd_mean": 0.08665832696607054,
  "fd_num": 1,
  "fd_perc": 0.5,
  "fwhm_avg": 1.8062147558858224,
  "fwhm_x": 1.77688,
  "fwhm_y": 1.8954733333333333,
  "fwhm_z": 1.7462909343241335,
  "gcor": 0.0191282,
  "gsr_x": -0.011793035082519054,
  "gsr_y": 0.021029016003012657,
  "provenance": {
    "md5sum": "c4220d90a9333ba2271400d57cf1d60b",
    "settings": {
      "fd_thres": 0.2,
      "testing": false
    },
    "software": "mriqc",
    "version": "22.0.0rc1",
    "webapi_port": null,
    "webapi_url": "https://mriqc.nimh.nih.gov/api/v1"
  },
  "size_t": 200,
  "size_x": 80,
  "size_y": 80,
  "size_z": 37,
  "snr": 5.576045598045348,
  "spacing_tr": 2.0,
  "spacing_x": 3.0,
  "spacing_y": 3.0,
  "spacing_z": 3.299999952316284,
  "summary_bg_k": 97.6177947045366,
  "summary_bg_mad": 59.91537993699406,
  "summary_bg_mean": 605.0007934570312,
  "summary_bg_median": 60.160491943359375,
  "summary_bg_n": 156815.0,
  "summary_bg_p05": 5.983874750137329,
  "summary_bg_p95": 3517.438549804677,
  "summary_bg_stdv": 1873.9281005859375,
  "summary_fg_k": 1.5040084486769096,
  "summary_fg_mad": 3750.1482012175347,
  "summary_fg_mean": 22210.98046875,
  "summary_fg_median": 21864.404296875,
  "summary_fg_n": 37200.0,
  "summary_fg_p05": 16535.71962890625,
  "summary_fg_p95": 28699.012304687498,
  "summary_fg_stdv": 3921.078125,
  "tsnr": 87.9363021850586
}