{
  "aor": 0.00037000000000000005,
  "aqi": 0.007609766484848484,
  "bids_meta": {
    "AcquisitionNumber": 2,
    "BidsifyVersion": "0.3.5",
    "ConversionSoftware": "dcm2niix",
    "ConversionSoftwareVersion": "v1.0.20181125  GCC6.3.0",
    "EchoTime": 0.02762,
    "EffectiveEchoSpacing": 0.0006333282667071997,
    "ImageComments": "Piop",
    "ImageOrientationPatientDICOM": [
      0.999059,
      0.0350502,
      -0.025564,
      -0.041873,
      0.933181,
      -0.356959
    ],
    "Manufacturer": "Philips",
    "NumberOfVolumesDiscardedByScanner": 2,
    "ParallelAcquisitionTechnique": "SENSE",
    "ParallelReductionFactorInPlane": 2,
    "PatientPosition": "HFS",
    "PhaseEncodingDirection": "j",
    "PhilipsRescaleIntercept": 0,
    "PhilipsRescaleSlope": 0.82247,
    "PhilipsScaleSlope": 0.0957757,
    "ProtocolName": "WIPpiopfacesSENSE",
    "PulseSequenceType": "gradient echo EPI",
    "ReconMatrixPE": 80,
    "RepetitionTime": 0.75,
    "SeriesDescription": "ImageMRSERIES",
    "SeriesNumber": 2,
    "SliceEncodingDirection": "k",
    "SliceTiming": [
      0.0,
      0.06755050505050506,
      0.1351010101010101,
      0.20265151515151517,
      0.2702020202020202,
      0.3377525252525253,
      0.40530303030303033,
      0.47285353535353536,
      0.5404040404040404,
      0.6079545454545455,
      0.6755050505050506,
      0.7430555555555556,
      0.0,
      0.06755050505050506,
      0.1351010101010101,
      0.20265151515151517,
      0.2702020202020202,
      0.3377525252525253,
      0.40530303030303033,
      0.47285353535353536,
      0.5404040404040404,
      0.6079545454545455,
      0.6755050505050506,
      0.7430555555555556,
      0.0,
      0.06755050505050506,
      0.1351010101010101,
      0.20265151515151517,
      0.2702020202020202,
      0.3377525252525253,
      0.40530303030303033,
      0.47285353535353536,
      0.5404040404040404,
      0.6079545454545455,
      0.6755050505050506,
      0.7430555555555556
    ],
    "TaskName": "faces",
    "TotalReadoutTime": 0.024699802401580786,
    "UsePhilipsFloatNotDisplayScaling": 1,
    "acq_id": "mb3",
    "dataset": "ds002785",
    "modality": "bold",
    "subject_id": "0042",
    "task_id": "faces"
  },
  "dummy_trs": 0,
  "dvars_nstd": 27.984155272127637,
  "dvars_std": 1.1209910982066875,
  "dvars_vstd": 1.004698878054712,
  "efc": 0.44613250010360594,
  "fber": 154543.859375,
  "fd_mean": 0.09445013762630157,
  "fd_num": 3,
  "fd_perc": 0.9090909090909091,
  "fwhm_avg": 1.8986394027253264,
  "fwhm_x": 1.8707333333333331,
  "fwhm_y": 2.0010666666666665,
  "fwhm_z": 1.8241182081759801,
  "gcor": 0.039046,
  "gsr_x": -0.011979185976088047,
  "gsr_y": 0.017200959846377373,
  "provenance": {
    "md5sum": "24e6d8f26356ee522f750a3aaf3d1da4",
    "settings": {
      "fd_thres": 0.2,
      "testing": false
    },
    "software": "mriqc",
    "version": "22.0.0rc1",
    "webapi_port": null,
    "webapi_url": "https://mriqc.nimh.nih.gov/api/v1"
  },
  "size_t": 330,
  "size_x": 80,
  "size_y": 80,
  "size_z": 36,
  "snr": 6.172276192422936,
  "spacing_tr": 0.75,
  "spacing_x": 3.0,
  "spacing_y": 3.0,
  "spacing_z": 3.299999952316284,
  "summary_bg_k": 62.238515796550644,
  "summary_bg_mad": 47.18971490092667,
  "summary_bg_mean": 455.50653076171875,
  "summary_bg_median": 42.826515197753906,
  "summary_bg_n": 152034.0,
  "summary_bg_p05": 3.4178392648696905,
  "summary_bg_p95": 2652.2603149414085,
  "summary_bg_stdv": 1308.311279296875,
  "summary_fg_k": 0.6120363169232506,
  "summary_fg_mad": 2802.320892497649,
  "summary_fg_mean": 17484.54296875,
  "summary_fg_median": 17433.7890625,
  "summary_fg_n": 36525.0,
  "summary_fg_p05": 13065.5177734375,
  "summary_fg_p95": 22116.22773437499,
  "summary_fg_stdv": 2824.492919921875,
  "tsnr": 53.091121673583984
}