{
  "aor": 0.001194567901234568,
  "aqi": 0.0036469996296296294,
  "bids_meta": {
    "AcquisitionNumber": 8,
    "BidsifyVersion": "0.3.5",
    "ConversionSoftware": "dcm2niix",
    "ConversionSoftwareVersion": "v1.0.20181125  GCC6.3.0",
    "EchoTime": 0.02762,
    "EffectiveEchoSpacing": 0.0006621159151938905,
    "ImageComments": "Piop",
    "ImageOrientationPatientDICOM": [
      0.999836,
      0.0171544,
      0.00577315,
      -0.0139613,
      0.933931,
      -0.357179
    ],
    "Manufacturer": "Philips",
    "NumberOfVolumesDiscardedByScanner": 2,
    "ParallelAcquisitionTechnique": "SENSE",
    "ParallelReductionFactorInPlane": 2,
    "PatientPosition": "HFS",
    "PhaseEncodingDirection": "j",
    "PhilipsRescaleIntercept": 0,
    "PhilipsRescaleSlope": 0.75922,
    "PhilipsScaleSlope": 0.0671892,
    "ProtocolName": "WIPpiopwmSENSE",
    "PulseSequenceType": "gradient echo EPI",
    "ReconMatrixPE": 80,
    "RepetitionTime": 2,
    "SeriesDescription": "ImageMRSERIES",
    "SeriesNumber": 8,
    "SliceEncodingDirection": "k",
    "SliceTiming": [
      0.0,
      0.0541,
      0.1081,
      0.1622,
      0.2162,
      0.2703,
      0.3243,
      0.3784,
      0.4324,
      0.4865,
      0.5405,
      0.5946,
      0.6486,
      0.7027,
      0.7568,
      0.8108,
      0.8649,
      0.9189,
      0.973,
      1.027,
      1.0811,
      1.1351,
      1.1892,
      1.2432,
      1.2973,
      1.3514,
      1.4054,
      1.4595,
      1.5135,
      1.5676,
      1.6216,
      1.6757,
      1.7297,
      1.7838,
      1.8378,
      1.8919,
      1.9459
    ],
    "TaskName": "workingmemory",
    "TotalReadoutTime": 0.025822520692561732,
    "UsePhilipsFloatNotDisplayScaling": 1,
    "acq_id": "seq",
    "dataset": "ds002785",
    "modality": "bold",
    "subject_id": "0042",
    "task_id": "workingmemory"
  },
  "dummy_trs": 0,
  "dvars_nstd": 16.911424980807464,
  "dvars_std": 1.1344828598136647,
  "dvars_vstd": 1.0155849532919252,
  "efc": 0.4438156214877135,
  "fber": 122767.71875,
  "fd_mean": 0.08997342621935289,
  "fd_num": 2,
  "fd_perc": 1.2345679012345678,
  "fwhm_avg": 1.8067445538417273,
  "fwhm_x": 1.7815,
  "fwhm_y": 1.8974033333333333,
  "fwhm_z": 1.7413303281918486,
  "gcor": 0.024527,
  "gsr_x": -0.011587684042751789,
  "gsr_y": 0.021172428503632545,
  "provenance": {
    "md5sum": "efeec652932889f64ad06611afa63212",
    "settings": {
      "fd_thres": 0.2,
      "testing": false
    },
    "software": "mriqc",
    "version": "22.0.0rc1",
    "webapi_port": null,
    "webapi_url": "https://mriqc.nimh.nih.gov/api/v1"
  },
  "size_t": 162,
  "size_x": 80,
  "size_y": 80,
  "size_z": 37,
  "snr": 5.6017803862812805,
  "spacing_tr": 2.0,
  "spacing_x": 3.0,
  "spacing_y": 3.0,
  "spacing_z": 3.299999952316284,
  "summary_bg_k": 95.95684329740838,
  "summary_bg_mad": 61.47674596392563,
  "summary_bg_mean": 610.2218627929688,
  "summary_bg_median": 61.08134460449219,
  "summary_bg_n": 156631.0,
  "summary_bg_p05": 6.106072187423706,
  "summary_bg_p95": 3537.2076416015625,
  "summary_bg_stdv": 1891.8890380859375,
  "summary_fg_k": 1.4411321371722057,
  "summary_fg_mad": 3783.8469967602277,
  "summary_fg_mean": 22342.6875,
  "summary_fg_median": 21993.88671875,
  "summary_fg_n": 37347.0,
  "summary_fg_p05": 16619.63125,
  "summary_fg_p95": 28863.745117187496,
  "summary_fg_stdv": 3926.178955078125,
  "tsnr": 86.45408630371094
}