{
  "bids_meta": {
    "AcquisitionNumber": 4,
    "BidsifyVersion": "0.3.5",
    "ConversionSoftware": "dcm2niix",
    "ConversionSoftwareVersion": "v1.0.20181125  GCC6.3.0",
    "EchoTime": 0.00374,
    "ImageComments": "Piop",
    "ImageOrientationPatientDICOM": [
      0.99952,
      -0.0090254,
      0.0296212,
      0.0104673,
      0.998749,
      -0.0488909
    ],
    "Manufacturer": "Philips",
    "PatientPosition": "HFS",
    "PhilipsRescaleIntercept": 0,
    "PhilipsRescaleSlope": 8.48107,
    "PhilipsScaleSlope": 0.00742146,
    "ProtocolName": "WIPt13dSENSE",
    "ReconMatrixPE": 240,
    "RepetitionTime": 0.008175,
    "SeriesDescription": "ImageMRSERIES",
    "SeriesNumber": 4,
    "UsePhilipsFloatNotDisplayScaling": 1,
    "dataset": "ds002785",
    "modality": "T1w",
    "subject_id": "0132"
  },
  "cjv": 0.31807319608677553,
  "cnr": 4.00098697937174,
  "efc": 0.7517820333317796,
  "fber": 803.8302612304688,
  "fwhm_avg": 3.52728673285286,
  "fwhm_x": 3.50393,
  "fwhm_y": 3.74667,
  "fwhm_z": 3.3312601985585806,
  "icvs_csf": 0.2065837875120478,
  "icvs_gm": 0.42857723790270424,
  "icvs_wm": 0.36483897458524794,
  "inu_med": 2.461869239807129,
  "inu_range": 0.5971895456314087,
  "provenance": {
    "md5sum": "c60df7e3b0b8fae3ede8c2ad08a8b9c2",
    "settings": {
      "testing": false
    },
    "software": "mriqc",
    "version": "22.0.0rc1",
    "warnings": {
      "large_rot_frame": true,
      "small_air_mask": true
    },
    "webapi_port": null,
    "webapi_url": "https://mriqc.nimh.nih.gov/api/v1"
  },
  "qi_1": 0.0,
  "qi_2": 3.3337448536243225e-05,
  "rpve_csf": 31.913014348724246,
  "rpve_gm": 16.561548061284043,
  "rpve_wm": 24.80278953413364,
  "size_x": 240,
  "size_y": 240,
  "size_z": 220,
  "snr_csf": 2.9505938927258137,
  "snr_gm": 7.410694129475437,
  "snr_total": 10.453745358376276,
  "snr_wm": 20.999948052927575,
  "snrd_csf": 25.24651288053277,
  "snrd_gm": 46.11830871811098,
  "snrd_total": 48.78966694106538,
  "snrd_wm": 75.0041792245524,
  "spacing_x": 1.0,
  "spacing_y": 1.0,
  "spacing_z": 0.9999999403953552,
  "summary_bg_k": 4.2395887134936885,
  "summary_bg_mad": 8.734324314413504,
  "summary_bg_mean": 13.169620513916016,
  "summary_bg_median": 11.749908447265625,
  "summary_bg_n": 167126.0,
  "summary_bg_p05": 0.0,
  "summary_bg_p95": 34.96706485748291,
  "summary_bg_stdv": 10.677193641662598,
  "summary_csf_k": -0.31082073781374797,
  "summary_csf_mad": 104.7912188536536,
  "summary_csf_mean": 313.0225830078125,
  "summary_csf_median": 336.5882873535156,
  "summary_csf_n": 5897.0,
  "summary_csf_p05": 103.48710632324219,
  "summary_csf_p95": 467.8814025878906,
  "summary_csf_stdv": 114.0650863647461,
  "summary_gm_k": 0.17022669244558442,
  "summary_gm_mad": 80.1392468458174,
  "summary_gm_mean": 619.103759765625,
  "summary_gm_median": 614.8525390625,
  "summary_gm_n": 16315.0,
  "summary_gm_p05": 489.04095764160155,
  "summary_gm_p95": 763.9011657714843,
  "summary_gm_stdv": 82.96573638916016,
  "summary_wm_k": 1.1319377305426421,
  "summary_wm_mad": 42.35343169870486,
  "summary_wm_mean": 997.970947265625,
  "summary_wm_median": 999.9609985351562,
  "summary_wm_n": 165817.0,
  "summary_wm_p05": 916.731396484375,
  "summary_wm_p95": 1071.8102294921873,
  "summary_wm_stdv": 47.617164611816406,
  "tpm_overlap_csf": 0.16818790137767792,
  "tpm_overlap_gm": 0.4495072364807129,
  "tpm_overlap_wm": 0.5071750283241272,
  "wm2max": 0.6653983972336749
}