{
  "aor": 0.002697259259259259,
  "aqi": 0.014623073407407407,
  "bids_meta": {
    "AcquisitionNumber": 5,
    "BidsifyVersion": "0.3.5",
    "ConversionSoftware": "dcm2niix",
    "ConversionSoftwareVersion": "v1.0.20181125  GCC6.3.0",
    "EchoTime": 0.02762,
    "EffectiveEchoSpacing": 0.0006621159151938905,
    "ImageComments": "Piop",
    "ImageOrientationPatientDICOM": [
      0.998737,
      0.0375608,
      0.0333607,
      -0.0367966,
      0.999053,
      -0.0232334
    ],
    "Manufacturer": "Philips",
    "NumberOfVolumesDiscardedByScanner": 2,
    "ParallelAcquisitionTechnique": "SENSE",
    "ParallelReductionFactorInPlane": 2,
    "PatientPosition": "HFS",
    "PhaseEncodingDirection": "j",
    "PhilipsRescaleIntercept": 0,
    "PhilipsRescaleSlope": 0.84103,
    "PhilipsScaleSlope": 0.0469419,
    "ProtocolName": "WIPpiopharririSENSE",
    "PulseSequenceType": "gradient echo EPI",
    "ReconMatrixPE": 80,
    "RepetitionTime": 2,
    "SeriesDescription": "ImageMRSERIES",
    "SeriesNumber": 5,
    "SliceEncodingDirection": "k",
    "SliceTiming": [
      0.0,
      0.0541,
      0.1081,
      0.1622,
      0.2162,
      0.2703,
      0.3243,
      0.3784,
      0.4324,
      0.4865,
      0.5405,
      0.5946,
      0.6486,
      0.7027,
      0.7568,
      0.8108,
      0.8649,
      0.9189,
      0.973,
      1.027,
      1.0811,
      1.1351,
      1.1892,
      1.2432,
      1.2973,
      1.3514,
      1.4054,
      1.4595,
      1.5135,
      1.5676,
      1.6216,
      1.6757,
      1.7297,
      1.7838,
      1.8378,
      1.8919,
      1.9459
    ],
    "TaskName": "emomatching",
    "TotalReadoutTime": 0.025822520692561732,
    "UsePhilipsFloatNotDisplayScaling": 1,
    "acq_id": "seq",
    "dataset": "ds002785",
    "modality": "bold",
    "subject_id": "0149",
    "task_id": "emomatching"
  },
  "dummy_trs": 0,
  "dvars_nstd": 25.843161376791052,
  "dvars_std": 1.103536287089552,
  "dvars_vstd": 0.9234924641044777,
  "efc": 0.4449693247498925,
  "fber": 126967.25,
  "fd_mean": 0.3028604593334477,
  "fd_num": 65,
  "fd_perc": 48.148148148148145,
  "fwhm_avg": 1.8268828361709442,
  "fwhm_x": 1.80643,
  "fwhm_y": 2.0365033333333336,
  "fwhm_z": 1.6377151751794985,
  "gcor": 0.00735969,
  "gsr_x": -0.016390137374401093,
  "gsr_y": 0.025547584518790245,
  "provenance": {
    "md5sum": "270150c2fcb3601a51549ffd65c0cf95",
    "settings": {
      "fd_thres": 0.2,
      "testing": false
    },
    "software": "mriqc",
    "version": "22.0.0rc1",
    "webapi_port": null,
    "webapi_url": "https://mriqc.nimh.nih.gov/api/v1"
  },
  "size_t": 135,
  "size_x": 80,
  "size_y": 80,
  "size_z": 37,
  "snr": 5.7183510720694475,
  "spacing_tr": 2.0,
  "spacing_x": 3.0,
  "spacing_y": 3.0,
  "spacing_z": 3.299999952316284,
  "summary_bg_k": 60.61285611445583,
  "summary_bg_mad": 89.41969939523776,
  "summary_bg_mean": 812.5147094726562,
  "summary_bg_median": 78.40081787109375,
  "summary_bg_n": 157060.0,
  "summary_bg_p05": 6.978624749183655,
  "summary_bg_p95": 4008.139929199204,
  "summary_bg_stdv": 2245.769775390625,
  "summary_fg_k": 2.7829696184101618,
  "summary_fg_mad": 4567.914809460508,
  "summary_fg_mean": 29482.337890625,
  "summary_fg_median": 29056.74609375,
  "summary_fg_n": 37380.0,
  "summary_fg_p05": 22122.7822265625,
  "summary_fg_p95": 37792.386914062496,
  "summary_fg_stdv": 5081.24755859375,
  "tsnr": 50.47464370727539
}