{
  "aor": 0.003488176100628931,
  "aqi": 0.01608186846960168,
  "bids_meta": {
    "AcquisitionNumber": 6,
    "BidsifyVersion": "0.3.5",
    "ConversionSoftware": "dcm2niix",
    "ConversionSoftwareVersion": "v1.0.20181125  GCC6.3.0",
    "EchoTime": 0.02762,
    "EffectiveEchoSpacing": 0.0006333282667071997,
    "ImageComments": "Piop",
    "ImageOrientationPatientDICOM": [
      0.998737,
      0.0375608,
      0.0333607,
      -0.0367966,
      0.999053,
      -0.0232334
    ],
    "Manufacturer": "Philips",
    "NumberOfVolumesDiscardedByScanner": 2,
    "ParallelAcquisitionTechnique": "SENSE",
    "ParallelReductionFactorInPlane": 2,
    "PatientPosition": "HFS",
    "PhaseEncodingDirection": "j",
    "PhilipsRescaleIntercept": 0,
    "PhilipsRescaleSlope": 0.80757,
    "PhilipsScaleSlope": 0.0752041,
    "ProtocolName": "WIPpioprsSENSE",
    "PulseSequenceType": "gradient echo EPI",
    "ReconMatrixPE": 80,
    "RepetitionTime": 0.75,
    "SeriesDescription": "ImageMRSERIES",
    "SeriesNumber": 6,
    "SliceEncodingDirection": "k",
    "SliceTiming": [
      0.0,
      0.06755050505050506,
      0.1351010101010101,
      0.20265151515151517,
      0.2702020202020202,
      0.3377525252525253,
      0.40530303030303033,
      0.47285353535353536,
      0.5404040404040404,
      0.6079545454545455,
      0.6755050505050506,
      0.7430555555555556,
      0.0,
      0.06755050505050506,
      0.1351010101010101,
      0.20265151515151517,
      0.2702020202020202,
      0.3377525252525253,
      0.40530303030303033,
      0.47285353535353536,
      0.5404040404040404,
      0.6079545454545455,
      0.6755050505050506,
      0.7430555555555556,
      0.0,
      0.06755050505050506,
      0.1351010101010101,
      0.20265151515151517,
      0.2702020202020202,
      0.3377525252525253,
      0.40530303030303033,
      0.47285353535353536,
      0.5404040404040404,
      0.6079545454545455,
      0.6755050505050506,
      0.7430555555555556
    ],
    "TaskName": "restingstate",
    "TotalReadoutTime": 0.024699802401580786,
    "UsePhilipsFloatNotDisplayScaling": 1,
    "acq_id": "mb3",
    "dataset": "ds002785",
    "modality": "bold",
    "subject_id": "0149",
    "task_id": "restingstate"
  },
  "dummy_trs": 3,
  "dvars_nstd": 29.051021932752125,
  "dvars_std": 1.1020808405252105,
  "dvars_vstd": 1.001146483445378,
  "efc": 0.4531633860367875,
  "fber": 117321.296875,
  "fd_mean": 0.16961115035217655,
  "fd_num": 81,
  "fd_perc": 16.9811320754717,
  "fwhm_avg": 1.8534323316129224,
  "fwhm_x": 1.78751,
  "fwhm_y": 2.0328233333333334,
  "fwhm_z": 1.7399636615054341,
  "gcor": 0.0093963,
  "gsr_x": -0.01816866174340248,
  "gsr_y": 0.025049684569239616,
  "provenance": {
    "md5sum": "7520f883a0f68e24fcddd88f1b511577",
    "settings": {
      "fd_thres": 0.2,
      "testing": false
    },
    "software": "mriqc",
    "version": "22.0.0rc1",
    "webapi_port": null,
    "webapi_url": "https://mriqc.nimh.nih.gov/api/v1"
  },
  "size_t": 477,
  "size_x": 80,
  "size_y": 80,
  "size_z": 36,
  "snr": 6.674396476959531,
  "spacing_tr": 0.75,
  "spacing_x": 3.0,
  "spacing_y": 3.0,
  "spacing_z": 3.299999952316284,
  "summary_bg_k": 39.66431087674306,
  "summary_bg_mad": 68.76252125433831,
  "summary_bg_mean": 596.7844848632812,
  "summary_bg_median": 57.80162811279297,
  "summary_bg_n": 151987.0,
  "summary_bg_p05": 4.622172546386719,
  "summary_bg_p95": 2911.7155273437493,
  "summary_bg_stdv": 1535.87939453125,
  "summary_fg_k": 1.89712097358247,
  "summary_fg_mad": 2784.1850766880775,
  "summary_fg_mean": 20296.5703125,
  "summary_fg_median": 20304.0234375,
  "summary_fg_n": 36738.0,
  "summary_fg_p05": 15488.2458984375,
  "summary_fg_p95": 25123.317089843753,
  "summary_fg_stdv": 3042.034912109375,
  "tsnr": 43.07966613769531
}