{
  "bids_meta": {
    "AcquisitionNumber": 4,
    "BidsifyVersion": "0.3.5",
    "ConversionSoftware": "dcm2niix",
    "ConversionSoftwareVersion": "v1.0.20181125  GCC6.3.0",
    "EchoTime": 0.00378,
    "ImageComments": "piop",
    "ImageOrientationPatientDICOM": [
      0.996994,
      -0.0457131,
      -0.0625607,
      0.05068,
      0.995485,
      0.0802575
    ],
    "Manufacturer": "Philips",
    "PatientPosition": "HFS",
    "PhilipsRescaleIntercept": 0,
    "PhilipsRescaleSlope": 8.57656,
    "PhilipsScaleSlope": 0.0070266,
    "ProtocolName": "WIPt13dSENSE",
    "ReconMatrixPE": 240,
    "RepetitionTime": 0.008238,
    "SeriesDescription": "ImageMRSERIES",
    "SeriesNumber": 4,
    "UsePhilipsFloatNotDisplayScaling": 1,
    "dataset": "ds002785",
    "modality": "T1w",
    "subject_id": "0038"
  },
  "cjv": 0.3558535166068731,
  "cnr": 3.602715221484939,
  "efc": 0.7559594091291003,
  "fber": 1519.87841796875,
  "fwhm_avg": 3.7745533333333334,
  "fwhm_x": 3.59618,
  "fwhm_y": 3.92871,
  "fwhm_z": 3.79877,
  "icvs_csf": 0.23175684651446157,
  "icvs_gm": 0.4061968618778389,
  "icvs_wm": 0.3620462916076995,
  "inu_med": 2.80313777923584,
  "inu_range": 0.7952743172645569,
  "provenance": {
    "md5sum": "db99fa634eb92335db8a483331f7806a",
    "settings": {
      "testing": false
    },
    "software": "mriqc",
    "version": "22.0.0rc1",
    "warnings": {
      "large_rot_frame": true,
      "small_air_mask": true
    },
    "webapi_port": null,
    "webapi_url": "https://mriqc.nimh.nih.gov/api/v1"
  },
  "qi_1": 0.0,
  "qi_2": 0.00017687182371401916,
  "rpve_csf": 25.701193825253444,
  "rpve_gm": 14.739507224959336,
  "rpve_wm": 21.02526687184143,
  "size_x": 240,
  "size_y": 240,
  "size_z": 220,
  "snr_csf": 2.715096711171277,
  "snr_gm": 7.6704656251503955,
  "snr_total": 9.547040484642961,
  "snr_wm": 18.255559117607213,
  "snrd_csf": 21.883159828144183,
  "snrd_gm": 44.31385615581285,
  "snrd_total": 45.23783920292171,
  "snrd_wm": 69.51650162480809,
  "spacing_x": 1.0,
  "spacing_y": 1.0,
  "spacing_z": 1.0,
  "summary_bg_k": 7.986919600600377,
  "summary_bg_mad": 9.424026900134887,
  "summary_bg_mean": 17.44749641418457,
  "summary_bg_median": 12.549188613891602,
  "summary_bg_n": 222217.0,
  "summary_bg_p05": 0.0,
  "summary_bg_p95": 44.02324523925781,
  "summary_bg_stdv": 14.822698593139648,
  "summary_csf_k": -0.3824044701299396,
  "summary_csf_mad": 122.59506895042064,
  "summary_csf_mean": 298.5616760253906,
  "summary_csf_median": 314.78558349609375,
  "summary_csf_n": 11359.0,
  "summary_csf_p05": 100.90090408325196,
  "summary_csf_p95": 467.07709350585935,
  "summary_csf_stdv": 115.93389129638672,
  "summary_gm_k": 0.15641949526084176,
  "summary_gm_mad": 80.38429608945222,
  "summary_gm_mean": 640.8035278320312,
  "summary_gm_median": 637.4473876953125,
  "summary_gm_n": 16873.0,
  "summary_gm_p05": 507.8714599609375,
  "summary_gm_p95": 783.3258422851562,
  "summary_gm_stdv": 83.10166931152344,
  "summary_wm_k": 1.1104249044730459,
  "summary_wm_mad": 48.625353071057354,
  "summary_wm_mean": 997.7528686523438,
  "summary_wm_median": 999.9832153320312,
  "summary_wm_n": 195732.0,
  "summary_wm_p05": 903.462191772461,
  "summary_wm_p95": 1082.9308532714842,
  "summary_wm_stdv": 54.77677536010742,
  "tpm_overlap_csf": 0.16393622756004333,
  "tpm_overlap_gm": 0.43530720472335815,
  "tpm_overlap_wm": 0.5013057589530945,
  "wm2max": 0.7011725906219567
}