{
  "aor": 0.0035111499999999993,
  "aqi": 0.007972390099999999,
  "bids_meta": {
    "AcquisitionNumber": 9,
    "BidsifyVersion": "0.3.5",
    "ConversionSoftware": "dcm2niix",
    "ConversionSoftwareVersion": "v1.0.20181125  GCC6.3.0",
    "EchoTime": 0.02762,
    "EffectiveEchoSpacing": 0.0006621159151938905,
    "ImageComments": "piop",
    "ImageOrientationPatientDICOM": [
      0.997723,
      -0.0432322,
      0.0517657,
      0.0479241,
      0.994501,
      -0.0931219
    ],
    "Manufacturer": "Philips",
    "NumberOfVolumesDiscardedByScanner": 2,
    "ParallelAcquisitionTechnique": "SENSE",
    "ParallelReductionFactorInPlane": 2,
    "PatientPosition": "HFS",
    "PhaseEncodingDirection": "j",
    "PhilipsRescaleIntercept": 0,
    "PhilipsRescaleSlope": 0.75556,
    "PhilipsScaleSlope": 0.0556611,
    "ProtocolName": "WIPpiopanticipatieSENSE",
    "PulseSequenceType": "gradient echo EPI",
    "ReconMatrixPE": 80,
    "RepetitionTime": 2,
    "SeriesDescription": "ImageMRSERIES",
    "SeriesNumber": 9,
    "SliceEncodingDirection": "k",
    "SliceTiming": [
      0.0,
      0.0541,
      0.1081,
      0.1622,
      0.2162,
      0.2703,
      0.3243,
      0.3784,
      0.4324,
      0.4865,
      0.5405,
      0.5946,
      0.6486,
      0.7027,
      0.7568,
      0.8108,
      0.8649,
      0.9189,
      0.973,
      1.027,
      1.0811,
      1.1351,
      1.1892,
      1.2432,
      1.2973,
      1.3514,
      1.4054,
      1.4595,
      1.5135,
      1.5676,
      1.6216,
      1.6757,
      1.7297,
      1.7838,
      1.8378,
      1.8919,
      1.9459
    ],
    "TaskName": "anticipation",
    "TotalReadoutTime": 0.025822520692561732,
    "UsePhilipsFloatNotDisplayScaling": 1,
    "acq_id": "seq",
    "dataset": "ds002785",
    "modality": "bold",
    "subject_id": "0141",
    "task_id": "anticipation"
  },
  "dummy_trs": 0,
  "dvars_nstd": 21.259580761105518,
  "dvars_std": 1.2323791009547738,
  "dvars_vstd": 1.007038566683417,
  "efc": 0.4526298138666387,
  "fber": 142653.84375,
  "fd_mean": 0.1439537243931335,
  "fd_num": 25,
  "fd_perc": 12.5,
  "fwhm_avg": 1.8580965740280426,
  "fwhm_x": 1.82609,
  "fwhm_y": 2.0101299999999998,
  "fwhm_z": 1.738069722084128,
  "gcor": 0.0194821,
  "gsr_x": -0.00671723997220397,
  "gsr_y": 0.01497287955135107,
  "provenance": {
    "md5sum": "68b059dcd190b7a6688c6c6d8ba16469",
    "settings": {
      "fd_thres": 0.2,
      "testing": false
    },
    "software": "mriqc",
    "version": "22.0.0rc1",
    "webapi_port": null,
    "webapi_url": "https://mriqc.nimh.nih.gov/api/v1"
  },
  "size_t": 200,
  "size_x": 80,
  "size_y": 80,
  "size_z": 37,
  "snr": 5.435141056458762,
  "spacing_tr": 2.0,
  "spacing_x": 3.0,
  "spacing_y": 3.0,
  "spacing_z": 3.299999952316284,
  "summary_bg_k": 44.11650690698523,
  "summary_bg_mad": 76.09155824450343,
  "summary_bg_mean": 833.8543701171875,
  "summary_bg_median": 71.7459716796875,
  "summary_bg_n": 155518.0,
  "summary_bg_p05": 7.402496051788332,
  "summary_bg_p95": 4801.293212890622,
  "summary_bg_stdv": 2387.20654296875,
  "summary_fg_k": 1.3010361745239107,
  "summary_fg_mad": 4776.617133082294,
  "summary_fg_mean": 28176.908203125,
  "summary_fg_median": 27770.314453125,
  "summary_fg_n": 39343.0,
  "summary_fg_p05": 20435.0619140625,
  "summary_fg_p95": 36649.88203125001,
  "summary_fg_stdv": 5109.3359375,
  "tsnr": 68.43370056152344
}