{
  "aor": 0.004230864197530864,
  "aqi": 0.0050545488271604945,
  "bids_meta": {
    "AcquisitionNumber": 8,
    "BidsifyVersion": "0.3.5",
    "ConversionSoftware": "dcm2niix",
    "ConversionSoftwareVersion": "v1.0.20181125  GCC6.3.0",
    "EchoTime": 0.02762,
    "EffectiveEchoSpacing": 0.0006621159151938905,
    "ImageComments": "piop",
    "ImageOrientationPatientDICOM": [
      0.997723,
      -0.0432322,
      0.0517657,
      0.0479241,
      0.994501,
      -0.0931219
    ],
    "Manufacturer": "Philips",
    "NumberOfVolumesDiscardedByScanner": 2,
    "ParallelAcquisitionTechnique": "SENSE",
    "ParallelReductionFactorInPlane": 2,
    "PatientPosition": "HFS",
    "PhaseEncodingDirection": "j",
    "PhilipsRescaleIntercept": 0,
    "PhilipsRescaleSlope": 0.79731,
    "PhilipsScaleSlope": 0.0561639,
    "ProtocolName": "WIPpiopwmSENSE",
    "PulseSequenceType": "gradient echo EPI",
    "ReconMatrixPE": 80,
    "RepetitionTime": 2,
    "SeriesDescription": "ImageMRSERIES",
    "SeriesNumber": 8,
    "SliceEncodingDirection": "k",
    "SliceTiming": [
      0.0,
      0.0541,
      0.1081,
      0.1622,
      0.2162,
      0.2703,
      0.3243,
      0.3784,
      0.4324,
      0.4865,
      0.5405,
      0.5946,
      0.6486,
      0.7027,
      0.7568,
      0.8108,
      0.8649,
      0.9189,
      0.973,
      1.027,
      1.0811,
      1.1351,
      1.1892,
      1.2432,
      1.2973,
      1.3514,
      1.4054,
      1.4595,
      1.5135,
      1.5676,
      1.6216,
      1.6757,
      1.7297,
      1.7838,
      1.8378,
      1.8919,
      1.9459
    ],
    "TaskName": "workingmemory",
    "TotalReadoutTime": 0.025822520692561732,
    "UsePhilipsFloatNotDisplayScaling": 1,
    "acq_id": "seq",
    "dataset": "ds002785",
    "modality": "bold",
    "subject_id": "0141",
    "task_id": "workingmemory"
  },
  "dummy_trs": 0,
  "dvars_nstd": 23.464458986832298,
  "dvars_std": 1.3573858160869556,
  "dvars_vstd": 1.0385262765838519,
  "efc": 0.45294604134827754,
  "fber": 147480.15625,
  "fd_mean": 0.1176016525808415,
  "fd_num": 9,
  "fd_perc": 5.555555555555555,
  "fwhm_avg": 1.8376847557450189,
  "fwhm_x": 1.8087633333333333,
  "fwhm_y": 1.9872333333333334,
  "fwhm_z": 1.71705760056839,
  "gcor": 0.0225003,
  "gsr_x": -0.006820244714617729,
  "gsr_y": 0.014588813297450542,
  "provenance": {
    "md5sum": "65877c7d1eed770eb27554f78b5e0389",
    "settings": {
      "fd_thres": 0.2,
      "testing": false
    },
    "software": "mriqc",
    "version": "22.0.0rc1",
    "webapi_port": null,
    "webapi_url": "https://mriqc.nimh.nih.gov/api/v1"
  },
  "size_t": 162,
  "size_x": 80,
  "size_y": 80,
  "size_z": 37,
  "snr": 5.492368102706592,
  "spacing_tr": 2.0,
  "spacing_x": 3.0,
  "spacing_y": 3.0,
  "spacing_z": 3.299999952316284,
  "summary_bg_k": 45.131697731542054,
  "summary_bg_mad": 73.84111705869837,
  "summary_bg_mean": 822.8221435546875,
  "summary_bg_median": 69.8161392211914,
  "summary_bg_n": 155431.0,
  "summary_bg_p05": 6.674301385879517,
  "summary_bg_p95": 4706.34130859375,
  "summary_bg_stdv": 2365.520263671875,
  "summary_fg_k": 1.3263385345032912,
  "summary_fg_mad": 4704.364888443539,
  "summary_fg_mean": 27894.0546875,
  "summary_fg_median": 27530.59765625,
  "summary_fg_n": 39412.0,
  "summary_fg_p05": 20309.3107421875,
  "summary_fg_p95": 36148.5861328125,
  "summary_fg_stdv": 5012.455078125,
  "tsnr": 77.10887908935547
}