{
  "aor": 0.0005161795407098122,
  "aqi": 0.011390916826722339,
  "bids_meta": {
    "AcquisitionNumber": 6,
    "BidsifyVersion": "0.3.5",
    "ConversionSoftware": "dcm2niix",
    "ConversionSoftwareVersion": "v1.0.20181125  GCC6.3.0",
    "EchoTime": 0.02762,
    "EffectiveEchoSpacing": 0.0006333282667071997,
    "ImageComments": "PIop",
    "ImageOrientationPatientDICOM": [
      0.996334,
      -0.046992,
      0.0714795,
      0.0752645,
      0.878688,
      -0.471426
    ],
    "Manufacturer": "Philips",
    "NumberOfVolumesDiscardedByScanner": 2,
    "ParallelAcquisitionTechnique": "SENSE",
    "ParallelReductionFactorInPlane": 2,
    "PatientPosition": "HFS",
    "PhaseEncodingDirection": "j",
    "PhilipsRescaleIntercept": 0,
    "PhilipsRescaleSlope": 0.77411,
    "PhilipsScaleSlope": 0.107586,
    "ProtocolName": "WIPpioprsSENSE",
    "PulseSequenceType": "gradient echo EPI",
    "ReconMatrixPE": 80,
    "RepetitionTime": 0.75,
    "SeriesDescription": "ImageMRSERIES",
    "SeriesNumber": 6,
    "SliceEncodingDirection": "k",
    "SliceTiming": [
      0.0,
      0.06755050505050506,
      0.1351010101010101,
      0.20265151515151517,
      0.2702020202020202,
      0.3377525252525253,
      0.40530303030303033,
      0.47285353535353536,
      0.5404040404040404,
      0.6079545454545455,
      0.6755050505050506,
      0.7430555555555556,
      0.0,
      0.06755050505050506,
      0.1351010101010101,
      0.20265151515151517,
      0.2702020202020202,
      0.3377525252525253,
      0.40530303030303033,
      0.47285353535353536,
      0.5404040404040404,
      0.6079545454545455,
      0.6755050505050506,
      0.7430555555555556,
      0.0,
      0.06755050505050506,
      0.1351010101010101,
      0.20265151515151517,
      0.2702020202020202,
      0.3377525252525253,
      0.40530303030303033,
      0.47285353535353536,
      0.5404040404040404,
      0.6079545454545455,
      0.6755050505050506,
      0.7430555555555556
    ],
    "TaskName": "restingstate",
    "TotalReadoutTime": 0.024699802401580786,
    "UsePhilipsFloatNotDisplayScaling": 1,
    "acq_id": "mb3",
    "dataset": "ds002785",
    "modality": "bold",
    "subject_id": "0017",
    "task_id": "restingstate"
  },
  "dummy_trs": 1,
  "dvars_nstd": 25.375851387594142,
  "dvars_std": 1.0805639354393302,
  "dvars_vstd": 1.0008199942887035,
  "efc": 0.4140995903524563,
  "fber": 183244.953125,
  "fd_mean": 0.10429090125628264,
  "fd_num": 28,
  "fd_perc": 5.845511482254698,
  "fwhm_avg": 1.7088994017270192,
  "fwhm_x": 1.7043533333333334,
  "fwhm_y": 1.8054933333333334,
  "fwhm_z": 1.6168515385143907,
  "gcor": 0.0226786,
  "gsr_x": -0.010831397026777267,
  "gsr_y": 0.0024412558414041996,
  "provenance": {
    "md5sum": "794b2744e2a8a661e9276d58c6ce1818",
    "settings": {
      "fd_thres": 0.2,
      "testing": false
    },
    "software": "mriqc",
    "version": "22.0.0rc1",
    "webapi_port": null,
    "webapi_url": "https://mriqc.nimh.nih.gov/api/v1"
  },
  "size_t": 479,
  "size_x": 80,
  "size_y": 80,
  "size_z": 36,
  "snr": 7.354362575807711,
  "spacing_tr": 0.75,
  "spacing_x": 3.0,
  "spacing_y": 3.0,
  "spacing_z": 3.299999952316284,
  "summary_bg_k": 37.71057883041658,
  "summary_bg_mad": 39.32034144415063,
  "summary_bg_mean": 425.1982727050781,
  "summary_bg_median": 35.89739227294922,
  "summary_bg_n": 160232.0,
  "summary_bg_p05": 2.4856152892112733,
  "summary_bg_p95": 2439.761169433578,
  "summary_bg_stdv": 1217.788818359375,
  "summary_fg_k": 2.195350040580596,
  "summary_fg_mad": 1948.9559046195222,
  "summary_fg_mean": 15855.78125,
  "summary_fg_median": 15722.015625,
  "summary_fg_n": 29897.0,
  "summary_fg_p05": 12777.2916015625,
  "summary_fg_p95": 19511.451171875,
  "summary_fg_stdv": 2137.7451171875,
  "tsnr": 50.774967193603516
}