{
  "aor": 0.002330040816326531,
  "aqi": 0.014421459959183676,
  "bids_meta": {
    "AcquisitionNumber": 3,
    "BidsifyVersion": "0.3.5",
    "ConversionSoftware": "dcm2niix",
    "ConversionSoftwareVersion": "v1.0.20181125  GCC6.3.0",
    "EchoTime": 0.02762,
    "EffectiveEchoSpacing": 0.0006621159151938905,
    "ImageComments": "PIop",
    "ImageOrientationPatientDICOM": [
      0.996334,
      -0.046992,
      0.0714795,
      0.0752645,
      0.878688,
      -0.471426
    ],
    "Manufacturer": "Philips",
    "NumberOfVolumesDiscardedByScanner": 2,
    "ParallelAcquisitionTechnique": "SENSE",
    "ParallelReductionFactorInPlane": 2,
    "PatientPosition": "HFS",
    "PhaseEncodingDirection": "j",
    "PhilipsRescaleIntercept": 0,
    "PhilipsRescaleSlope": 0.85739,
    "PhilipsScaleSlope": 0.0603011,
    "ProtocolName": "WIPpiopgstroopSENSE",
    "PulseSequenceType": "gradient echo EPI",
    "ReconMatrixPE": 80,
    "RepetitionTime": 2,
    "SeriesDescription": "ImageMRSERIES",
    "SeriesNumber": 3,
    "SliceEncodingDirection": "k",
    "SliceTiming": [
      0.0,
      0.0541,
      0.1081,
      0.1622,
      0.2162,
      0.2703,
      0.3243,
      0.3784,
      0.4324,
      0.4865,
      0.5405,
      0.5946,
      0.6486,
      0.7027,
      0.7568,
      0.8108,
      0.8649,
      0.9189,
      0.973,
      1.027,
      1.0811,
      1.1351,
      1.1892,
      1.2432,
      1.2973,
      1.3514,
      1.4054,
      1.4595,
      1.5135,
      1.5676,
      1.6216,
      1.6757,
      1.7297,
      1.7838,
      1.8378,
      1.8919,
      1.9459
    ],
    "TaskName": "gstroop",
    "TotalReadoutTime": 0.025822520692561732,
    "UsePhilipsFloatNotDisplayScaling": 1,
    "acq_id": "seq",
    "dataset": "ds002785",
    "modality": "bold",
    "subject_id": "0017",
    "task_id": "gstroop"
  },
  "dummy_trs": 0,
  "dvars_nstd": 22.357468347172126,
  "dvars_std": 1.1627239220081975,
  "dvars_vstd": 0.9349870828688526,
  "efc": 0.4071516802207044,
  "fber": 158188.1875,
  "fd_mean": 0.1664072750886954,
  "fd_num": 62,
  "fd_perc": 25.306122448979593,
  "fwhm_avg": 1.7201122300413882,
  "fwhm_x": 1.72631,
  "fwhm_y": 1.8106266666666666,
  "fwhm_z": 1.6234000234574986,
  "gcor": 0.018519,
  "gsr_x": -0.009558997116982937,
  "gsr_y": 0.004053669050335884,
  "provenance": {
    "md5sum": "01f4d39785898e9553170cce5ca726a3",
    "settings": {
      "fd_thres": 0.2,
      "testing": false
    },
    "software": "mriqc",
    "version": "22.0.0rc1",
    "webapi_port": null,
    "webapi_url": "https://mriqc.nimh.nih.gov/api/v1"
  },
  "size_t": 245,
  "size_x": 80,
  "size_y": 80,
  "size_z": 37,
  "snr": 5.795113354820213,
  "spacing_tr": 2.0,
  "spacing_x": 3.0,
  "spacing_y": 3.0,
  "spacing_z": 3.299999952316284,
  "summary_bg_k": 55.7276642516329,
  "summary_bg_mad": 64.20850095416996,
  "summary_bg_mean": 600.2100219726562,
  "summary_bg_median": 55.91840362548828,
  "summary_bg_n": 165443.0,
  "summary_bg_p05": 3.3566694974899294,
  "summary_bg_p95": 3449.81142578125,
  "summary_bg_stdv": 1786.9847412109375,
  "summary_fg_k": 2.9864236518722453,
  "summary_fg_mad": 3703.313028791539,
  "summary_fg_mean": 23164.828125,
  "summary_fg_median": 22731.01171875,
  "summary_fg_n": 30368.0,
  "summary_fg_p05": 17896.40390625,
  "summary_fg_p95": 29833.555273437494,
  "summary_fg_stdv": 3922.380126953125,
  "tsnr": 51.066551208496094
}