{
  "aor": 0.0030368518518518518,
  "aqi": 0.017043290740740742,
  "bids_meta": {
    "AcquisitionNumber": 8,
    "BidsifyVersion": "0.3.5",
    "ConversionSoftware": "dcm2niix",
    "ConversionSoftwareVersion": "v1.0.20181125  GCC6.3.0",
    "EchoTime": 0.02762,
    "EffectiveEchoSpacing": 0.0006621159151938905,
    "ImageComments": "PIop",
    "ImageOrientationPatientDICOM": [
      0.996334,
      -0.046992,
      0.0714795,
      0.0752645,
      0.878688,
      -0.471426
    ],
    "Manufacturer": "Philips",
    "NumberOfVolumesDiscardedByScanner": 2,
    "ParallelAcquisitionTechnique": "SENSE",
    "ParallelReductionFactorInPlane": 2,
    "PatientPosition": "HFS",
    "PhaseEncodingDirection": "j",
    "PhilipsRescaleIntercept": 0,
    "PhilipsRescaleSlope": 0.84469,
    "PhilipsScaleSlope": 0.0655529,
    "ProtocolName": "WIPpiopwmSENSE",
    "PulseSequenceType": "gradient echo EPI",
    "ReconMatrixPE": 80,
    "RepetitionTime": 2,
    "SeriesDescription": "ImageMRSERIES",
    "SeriesNumber": 8,
    "SliceEncodingDirection": "k",
    "SliceTiming": [
      0.0,
      0.0541,
      0.1081,
      0.1622,
      0.2162,
      0.2703,
      0.3243,
      0.3784,
      0.4324,
      0.4865,
      0.5405,
      0.5946,
      0.6486,
      0.7027,
      0.7568,
      0.8108,
      0.8649,
      0.9189,
      0.973,
      1.027,
      1.0811,
      1.1351,
      1.1892,
      1.2432,
      1.2973,
      1.3514,
      1.4054,
      1.4595,
      1.5135,
      1.5676,
      1.6216,
      1.6757,
      1.7297,
      1.7838,
      1.8378,
      1.8919,
      1.9459
    ],
    "TaskName": "workingmemory",
    "TotalReadoutTime": 0.025822520692561732,
    "UsePhilipsFloatNotDisplayScaling": 1,
    "acq_id": "seq",
    "dataset": "ds002785",
    "modality": "bold",
    "subject_id": "0017",
    "task_id": "workingmemory"
  },
  "dummy_trs": 0,
  "dvars_nstd": 25.69201257354037,
  "dvars_std": 1.1128635759627328,
  "dvars_vstd": 0.9453102772670808,
  "efc": 0.40990233226515954,
  "fber": 154890.171875,
  "fd_mean": 0.3250024591419206,
  "fd_num": 94,
  "fd_perc": 58.02469135802469,
  "fwhm_avg": 1.7504194019609425,
  "fwhm_x": 1.74627,
  "fwhm_y": 1.83957,
  "fwhm_z": 1.6654182058828266,
  "gcor": 0.0248905,
  "gsr_x": -0.01066441647708416,
  "gsr_y": 0.0035486079286783934,
  "provenance": {
    "md5sum": "2a1756a8e5c5c29af6020eed73bb83f3",
    "settings": {
      "fd_thres": 0.2,
      "testing": false
    },
    "software": "mriqc",
    "version": "22.0.0rc1",
    "webapi_port": null,
    "webapi_url": "https://mriqc.nimh.nih.gov/api/v1"
  },
  "size_t": 162,
  "size_x": 80,
  "size_y": 80,
  "size_z": 37,
  "snr": 5.801923864196495,
  "spacing_tr": 2.0,
  "spacing_x": 3.0,
  "spacing_y": 3.0,
  "spacing_z": 3.299999952316284,
  "summary_bg_k": 46.94345114110485,
  "summary_bg_mad": 57.700347541165144,
  "summary_bg_mean": 602.9168701171875,
  "summary_bg_median": 54.331199645996094,
  "summary_bg_n": 165354.0,
  "summary_bg_p05": 5.067709279060364,
  "summary_bg_p95": 3531.3714599609384,
  "summary_bg_stdv": 1740.734130859375,
  "summary_fg_k": 2.905981199496483,
  "summary_fg_mad": 3589.3944495393525,
  "summary_fg_mean": 22276.384765625,
  "summary_fg_median": 21846.2890625,
  "summary_fg_n": 30454.0,
  "summary_fg_p05": 17219.253125,
  "summary_fg_p95": 28719.437109374998,
  "summary_fg_stdv": 3765.290771484375,
  "tsnr": 42.43274688720703
}