{
  "aor": 0.0005237272727272727,
  "aqi": 0.009764876151515152,
  "bids_meta": {
    "AcquisitionNumber": 2,
    "BidsifyVersion": "0.3.5",
    "ConversionSoftware": "dcm2niix",
    "ConversionSoftwareVersion": "v1.0.20181125  GCC6.3.0",
    "EchoTime": 0.02762,
    "EffectiveEchoSpacing": 0.0006333282667071997,
    "ImageComments": "PIop",
    "ImageOrientationPatientDICOM": [
      0.996334,
      -0.046992,
      0.0714795,
      0.0752645,
      0.878688,
      -0.471426
    ],
    "Manufacturer": "Philips",
    "NumberOfVolumesDiscardedByScanner": 2,
    "ParallelAcquisitionTechnique": "SENSE",
    "ParallelReductionFactorInPlane": 2,
    "PatientPosition": "HFS",
    "PhaseEncodingDirection": "j",
    "PhilipsRescaleIntercept": 0,
    "PhilipsRescaleSlope": 0.81197,
    "PhilipsScaleSlope": 0.107132,
    "ProtocolName": "WIPpiopfacesSENSE",
    "PulseSequenceType": "gradient echo EPI",
    "ReconMatrixPE": 80,
    "RepetitionTime": 0.75,
    "SeriesDescription": "ImageMRSERIES",
    "SeriesNumber": 2,
    "SliceEncodingDirection": "k",
    "SliceTiming": [
      0.0,
      0.06755050505050506,
      0.1351010101010101,
      0.20265151515151517,
      0.2702020202020202,
      0.3377525252525253,
      0.40530303030303033,
      0.47285353535353536,
      0.5404040404040404,
      0.6079545454545455,
      0.6755050505050506,
      0.7430555555555556,
      0.0,
      0.06755050505050506,
      0.1351010101010101,
      0.20265151515151517,
      0.2702020202020202,
      0.3377525252525253,
      0.40530303030303033,
      0.47285353535353536,
      0.5404040404040404,
      0.6079545454545455,
      0.6755050505050506,
      0.7430555555555556,
      0.0,
      0.06755050505050506,
      0.1351010101010101,
      0.20265151515151517,
      0.2702020202020202,
      0.3377525252525253,
      0.40530303030303033,
      0.47285353535353536,
      0.5404040404040404,
      0.6079545454545455,
      0.6755050505050506,
      0.7430555555555556
    ],
    "TaskName": "faces",
    "TotalReadoutTime": 0.024699802401580786,
    "UsePhilipsFloatNotDisplayScaling": 1,
    "acq_id": "mb3",
    "dataset": "ds002785",
    "modality": "bold",
    "subject_id": "0017",
    "task_id": "faces"
  },
  "dummy_trs": 0,
  "dvars_nstd": 24.835436487811553,
  "dvars_std": 1.058877502036474,
  "dvars_vstd": 0.9943586659574464,
  "efc": 0.41137322926194075,
  "fber": 188372.96875,
  "fd_mean": 0.120053027016337,
  "fd_num": 26,
  "fd_perc": 7.878787878787879,
  "fwhm_avg": 1.77548728088961,
  "fwhm_x": 1.76991,
  "fwhm_y": 1.8619033333333332,
  "fwhm_z": 1.6946485093354964,
  "gcor": 0.0437359,
  "gsr_x": -0.011543563567101955,
  "gsr_y": 0.0017316739540547132,
  "provenance": {
    "md5sum": "e29bb16fbbeaa8bb168c0248ffbdc344",
    "settings": {
      "fd_thres": 0.2,
      "testing": false
    },
    "software": "mriqc",
    "version": "22.0.0rc1",
    "webapi_port": null,
    "webapi_url": "https://mriqc.nimh.nih.gov/api/v1"
  },
  "size_t": 330,
  "size_x": 80,
  "size_y": 80,
  "size_z": 36,
  "snr": 6.767011711147696,
  "spacing_tr": 0.75,
  "spacing_x": 3.0,
  "spacing_y": 3.0,
  "spacing_z": 3.299999952316284,
  "summary_bg_k": 38.02548448663223,
  "summary_bg_mad": 41.114640130214354,
  "summary_bg_mean": 439.1172790527344,
  "summary_bg_median": 37.40651321411133,
  "summary_bg_n": 160393.0,
  "summary_bg_p05": 2.5752100944519043,
  "summary_bg_p95": 2498.089013671874,
  "summary_bg_stdv": 1277.955810546875,
  "summary_fg_k": 1.8254152665990633,
  "summary_fg_mad": 2220.3314726089366,
  "summary_fg_mean": 16838.353515625,
  "summary_fg_median": 16670.3203125,
  "summary_fg_n": 29669.0,
  "summary_fg_p05": 13239.7859375,
  "summary_fg_p95": 21092.1171875,
  "summary_fg_stdv": 2463.427001953125,
  "tsnr": 51.00199508666992
}