{
  "bids_meta": {
    "AcquisitionNumber": 4,
    "BidsifyVersion": "0.3.5",
    "ConversionSoftware": "dcm2niix",
    "ConversionSoftwareVersion": "v1.0.20181125  GCC6.3.0",
    "EchoTime": 0.00377,
    "ImageComments": "piop",
    "ImageOrientationPatientDICOM": [
      0.996472,
      0.0389787,
      -0.0743194,
      -0.0415903,
      0.998559,
      -0.0339228
    ],
    "Manufacturer": "Philips",
    "PatientPosition": "HFS",
    "PhilipsRescaleIntercept": 0,
    "PhilipsRescaleSlope": 9.43541,
    "PhilipsScaleSlope": 0.00763664,
    "ProtocolName": "WIPt13dSENSE",
    "ReconMatrixPE": 240,
    "RepetitionTime": 0.008237,
    "SeriesDescription": "ImageMRSERIES",
    "SeriesNumber": 4,
    "UsePhilipsFloatNotDisplayScaling": 1,
    "dataset": "ds002785",
    "modality": "T1w",
    "subject_id": "0136"
  },
  "cjv": 0.306895385745209,
  "cnr": 3.7571888275547045,
  "efc": 0.7481064011053155,
  "fber": 1738.6627197265625,
  "fwhm_avg": 3.915213403346543,
  "fwhm_x": 3.97097,
  "fwhm_y": 4.25079,
  "fwhm_z": 3.5238802100396285,
  "icvs_csf": 0.2754009718256966,
  "icvs_gm": 0.3756086354429377,
  "icvs_wm": 0.3489903927313657,
  "inu_med": 0.529975175857544,
  "inu_range": 0.15834042727947228,
  "provenance": {
    "md5sum": "b5dca048ccd468e7327aac368ba64352",
    "settings": {
      "testing": false
    },
    "software": "mriqc",
    "version": "22.0.0rc1",
    "warnings": {
      "large_rot_frame": true,
      "small_air_mask": true
    },
    "webapi_port": null,
    "webapi_url": "https://mriqc.nimh.nih.gov/api/v1"
  },
  "qi_1": 0.0,
  "qi_2": 3.263348462294184e-05,
  "rpve_csf": 26.73028017424745,
  "rpve_gm": 17.923699917191264,
  "rpve_wm": 26.01812815928032,
  "size_x": 240,
  "size_y": 240,
  "size_z": 220,
  "snr_csf": 3.6503387982775024,
  "snr_gm": 8.195384754100221,
  "snr_total": 11.393533644015427,
  "snr_wm": 22.33487737966856,
  "snrd_csf": 24.92802564138745,
  "snrd_gm": 44.76331448015109,
  "snrd_total": 46.08760623805899,
  "snrd_wm": 68.57147859263844,
  "spacing_x": 1.0,
  "spacing_y": 1.0,
  "spacing_z": 0.9999999403953552,
  "summary_bg_k": 91.57777476762605,
  "summary_bg_mad": 9.554099025082632,
  "summary_bg_mean": 13.294402122497559,
  "summary_bg_median": 10.883371353149414,
  "summary_bg_n": 236532.0,
  "summary_bg_p05": 0.0,
  "summary_bg_p95": 33.10528163909912,
  "summary_bg_stdv": 13.808867454528809,
  "summary_csf_k": 0.19626554447547928,
  "summary_csf_mad": 91.79112120259454,
  "summary_csf_mean": 349.5835876464844,
  "summary_csf_median": 363.53472900390625,
  "summary_csf_n": 9307.0,
  "summary_csf_p05": 155.07221221923828,
  "summary_csf_p95": 489.8672180175781,
  "summary_csf_stdv": 99.5839614868164,
  "summary_gm_k": 0.8804667395234924,
  "summary_gm_mad": 67.52979822901666,
  "summary_gm_mean": 658.7581176757812,
  "summary_gm_median": 652.8001708984375,
  "summary_gm_n": 13151.0,
  "summary_gm_p05": 536.9142150878906,
  "summary_gm_p95": 806.6462097167969,
  "summary_gm_stdv": 79.65158081054688,
  "summary_wm_k": 1.2712645151622928,
  "summary_wm_mad": 39.02531367543165,
  "summary_wm_mean": 996.4489135742188,
  "summary_wm_median": 1000.0035400390625,
  "summary_wm_n": 158004.0,
  "summary_wm_p05": 915.0711181640625,
  "summary_wm_p95": 1062.237890625,
  "summary_wm_stdv": 44.773040771484375,
  "tpm_overlap_csf": 0.1396850198507309,
  "tpm_overlap_gm": 0.4130401611328125,
  "tpm_overlap_wm": 0.4874257445335388,
  "wm2max": 0.688574177851157
}