{
  "aor": 0.0006334000000000001,
  "aqi": 0.0050479102,
  "bids_meta": {
    "AcquisitionNumber": 9,
    "BidsifyVersion": "0.3.5",
    "ConversionSoftware": "dcm2niix",
    "ConversionSoftwareVersion": "v1.0.20181125  GCC6.3.0",
    "EchoTime": 0.02762,
    "EffectiveEchoSpacing": 0.0006621159151938905,
    "ImageComments": "piop",
    "ImageOrientationPatientDICOM": [
      0.999789,
      -0.0149801,
      0.0140886,
      0.0178005,
      0.973467,
      -0.228136
    ],
    "Manufacturer": "Philips",
    "NumberOfVolumesDiscardedByScanner": 2,
    "ParallelAcquisitionTechnique": "SENSE",
    "ParallelReductionFactorInPlane": 2,
    "PatientPosition": "HFS",
    "PhaseEncodingDirection": "j",
    "PhilipsRescaleIntercept": 0,
    "PhilipsRescaleSlope": 0.81636,
    "PhilipsScaleSlope": 0.0554363,
    "ProtocolName": "WIPpiopanticipatieSENSE",
    "PulseSequenceType": "gradient echo EPI",
    "ReconMatrixPE": 80,
    "RepetitionTime": 2,
    "SeriesDescription": "ImageMRSERIES",
    "SeriesNumber": 9,
    "SliceEncodingDirection": "k",
    "SliceTiming": [
      0.0,
      0.0541,
      0.1081,
      0.1622,
      0.2162,
      0.2703,
      0.3243,
      0.3784,
      0.4324,
      0.4865,
      0.5405,
      0.5946,
      0.6486,
      0.7027,
      0.7568,
      0.8108,
      0.8649,
      0.9189,
      0.973,
      1.027,
      1.0811,
      1.1351,
      1.1892,
      1.2432,
      1.2973,
      1.3514,
      1.4054,
      1.4595,
      1.5135,
      1.5676,
      1.6216,
      1.6757,
      1.7297,
      1.7838,
      1.8378,
      1.8919,
      1.9459
    ],
    "TaskName": "anticipation",
    "TotalReadoutTime": 0.025822520692561732,
    "UsePhilipsFloatNotDisplayScaling": 1,
    "acq_id": "seq",
    "dataset": "ds002785",
    "modality": "bold",
    "subject_id": "0101",
    "task_id": "anticipation"
  },
  "dummy_trs": 0,
  "dvars_nstd": 20.538956819597992,
  "dvars_std": 1.1331621239195986,
  "dvars_vstd": 0.9647141520100501,
  "efc": 0.42913861214118904,
  "fber": 160263.375,
  "fd_mean": 0.11733510258410614,
  "fd_num": 15,
  "fd_perc": 7.5,
  "fwhm_avg": 1.9156513220614648,
  "fwhm_x": 1.8089866666666667,
  "fwhm_y": 2.0839066666666666,
  "fwhm_z": 1.8540606328510607,
  "gcor": 0.0190497,
  "gsr_x": -0.021106161177158356,
  "gsr_y": 0.01874043419957161,
  "provenance": {
    "md5sum": "f11ce584627b008a893b6b4196b02512",
    "settings": {
      "fd_thres": 0.2,
      "testing": false
    },
    "software": "mriqc",
    "version": "22.0.0rc1",
    "webapi_port": null,
    "webapi_url": "https://mriqc.nimh.nih.gov/api/v1"
  },
  "size_t": 200,
  "size_x": 80,
  "size_y": 80,
  "size_z": 37,
  "snr": 4.912580122159574,
  "spacing_tr": 2.0,
  "spacing_x": 3.0,
  "spacing_y": 3.0,
  "spacing_z": 3.299999952316284,
  "summary_bg_k": 54.56670101591579,
  "summary_bg_mad": 58.25448244971103,
  "summary_bg_mean": 530.444580078125,
  "summary_bg_median": 55.74436950683594,
  "summary_bg_n": 158753.0,
  "summary_bg_p05": 3.2788943290710453,
  "summary_bg_p95": 2752.561669921875,
  "summary_bg_stdv": 1564.8260498046875,
  "summary_fg_k": 1.7925432471358205,
  "summary_fg_mad": 4153.805477304162,
  "summary_fg_mean": 23458.701171875,
  "summary_fg_median": 22830.390625,
  "summary_fg_n": 36366.0,
  "summary_fg_p05": 17013.66259765625,
  "summary_fg_p95": 31543.2685546875,
  "summary_fg_stdv": 4647.26806640625,
  "tsnr": 73.69953155517578
}