{
  "aor": 0.00033703030303030304,
  "aqi": 0.010172881666666666,
  "bids_meta": {
    "AcquisitionNumber": 2,
    "BidsifyVersion": "0.3.5",
    "ConversionSoftware": "dcm2niix",
    "ConversionSoftwareVersion": "v1.0.20181125  GCC6.3.0",
    "EchoTime": 0.02762,
    "EffectiveEchoSpacing": 0.0006333282667071997,
    "ImageComments": "piop",
    "ImageOrientationPatientDICOM": [
      0.999789,
      -0.0149801,
      0.0140886,
      0.0178005,
      0.973467,
      -0.228136
    ],
    "Manufacturer": "Philips",
    "NumberOfVolumesDiscardedByScanner": 2,
    "ParallelAcquisitionTechnique": "SENSE",
    "ParallelReductionFactorInPlane": 2,
    "PatientPosition": "HFS",
    "PhaseEncodingDirection": "j",
    "PhilipsRescaleIntercept": 0,
    "PhilipsRescaleSlope": 0.81368,
    "PhilipsScaleSlope": 0.0922031,
    "ProtocolName": "WIPpiopfacesSENSE",
    "PulseSequenceType": "gradient echo EPI",
    "ReconMatrixPE": 80,
    "RepetitionTime": 0.75,
    "SeriesDescription": "ImageMRSERIES",
    "SeriesNumber": 2,
    "SliceEncodingDirection": "k",
    "SliceTiming": [
      0.0,
      0.06755050505050506,
      0.1351010101010101,
      0.20265151515151517,
      0.2702020202020202,
      0.3377525252525253,
      0.40530303030303033,
      0.47285353535353536,
      0.5404040404040404,
      0.6079545454545455,
      0.6755050505050506,
      0.7430555555555556,
      0.0,
      0.06755050505050506,
      0.1351010101010101,
      0.20265151515151517,
      0.2702020202020202,
      0.3377525252525253,
      0.40530303030303033,
      0.47285353535353536,
      0.5404040404040404,
      0.6079545454545455,
      0.6755050505050506,
      0.7430555555555556,
      0.0,
      0.06755050505050506,
      0.1351010101010101,
      0.20265151515151517,
      0.2702020202020202,
      0.3377525252525253,
      0.40530303030303033,
      0.47285353535353536,
      0.5404040404040404,
      0.6079545454545455,
      0.6755050505050506,
      0.7430555555555556
    ],
    "TaskName": "faces",
    "TotalReadoutTime": 0.024699802401580786,
    "UsePhilipsFloatNotDisplayScaling": 1,
    "acq_id": "mb3",
    "dataset": "ds002785",
    "modality": "bold",
    "subject_id": "0101",
    "task_id": "faces"
  },
  "dummy_trs": 0,
  "dvars_nstd": 29.92449584775075,
  "dvars_std": 1.1461580696656541,
  "dvars_vstd": 0.9943070812462008,
  "efc": 0.4363482720489614,
  "fber": 181677.96875,
  "fd_mean": 0.09572116710134125,
  "fd_num": 7,
  "fd_perc": 2.121212121212121,
  "fwhm_avg": 1.8380521297290577,
  "fwhm_x": 1.75172,
  "fwhm_y": 1.9941666666666666,
  "fwhm_z": 1.7682697225205062,
  "gcor": 0.0129688,
  "gsr_x": -0.022034799680113792,
  "gsr_y": 0.015547567047178745,
  "provenance": {
    "md5sum": "82a45f6fc3bf560dc0ab5d0c8afad2b2",
    "settings": {
      "fd_thres": 0.2,
      "testing": false
    },
    "software": "mriqc",
    "version": "22.0.0rc1",
    "webapi_port": null,
    "webapi_url": "https://mriqc.nimh.nih.gov/api/v1"
  },
  "size_t": 330,
  "size_x": 80,
  "size_y": 80,
  "size_z": 36,
  "snr": 6.53741108369591,
  "spacing_tr": 0.75,
  "spacing_x": 3.0,
  "spacing_y": 3.0,
  "spacing_z": 3.299999952316284,
  "summary_bg_k": 45.213193276509735,
  "summary_bg_mad": 43.09926866221807,
  "summary_bg_mean": 393.71771240234375,
  "summary_bg_median": 39.094764709472656,
  "summary_bg_n": 153571.0,
  "summary_bg_p05": 2.2522671222686768,
  "summary_bg_p95": 1976.5071411132812,
  "summary_bg_stdv": 1136.3065185546875,
  "summary_fg_k": 1.1895221200272355,
  "summary_fg_mad": 2398.9285736434304,
  "summary_fg_mean": 17155.94140625,
  "summary_fg_median": 16996.833984375,
  "summary_fg_n": 35843.0,
  "summary_fg_p05": 13245.72490234375,
  "summary_fg_p95": 21572.3076171875,
  "summary_fg_stdv": 2599.897216796875,
  "tsnr": 50.59899139404297
}