{
  "aor": 0.0030443827160493825,
  "aqi": 0.009414284691358027,
  "bids_meta": {
    "AcquisitionNumber": 8,
    "BidsifyVersion": "0.3.5",
    "ConversionSoftware": "dcm2niix",
    "ConversionSoftwareVersion": "v1.0.20181125  GCC6.3.0",
    "EchoTime": 0.02762,
    "EffectiveEchoSpacing": 0.0006621159151938905,
    "ImageComments": "piop",
    "ImageOrientationPatientDICOM": [
      0.999789,
      -0.0149801,
      0.0140886,
      0.0178005,
      0.973467,
      -0.228136
    ],
    "Manufacturer": "Philips",
    "NumberOfVolumesDiscardedByScanner": 2,
    "ParallelAcquisitionTechnique": "SENSE",
    "ParallelReductionFactorInPlane": 2,
    "PatientPosition": "HFS",
    "PhaseEncodingDirection": "j",
    "PhilipsRescaleIntercept": 0,
    "PhilipsRescaleSlope": 0.8083,
    "PhilipsScaleSlope": 0.0559506,
    "ProtocolName": "WIPpiopwmSENSE",
    "PulseSequenceType": "gradient echo EPI",
    "ReconMatrixPE": 80,
    "RepetitionTime": 2,
    "SeriesDescription": "ImageMRSERIES",
    "SeriesNumber": 8,
    "SliceEncodingDirection": "k",
    "SliceTiming": [
      0.0,
      0.0541,
      0.1081,
      0.1622,
      0.2162,
      0.2703,
      0.3243,
      0.3784,
      0.4324,
      0.4865,
      0.5405,
      0.5946,
      0.6486,
      0.7027,
      0.7568,
      0.8108,
      0.8649,
      0.9189,
      0.973,
      1.027,
      1.0811,
      1.1351,
      1.1892,
      1.2432,
      1.2973,
      1.3514,
      1.4054,
      1.4595,
      1.5135,
      1.5676,
      1.6216,
      1.6757,
      1.7297,
      1.7838,
      1.8378,
      1.8919,
      1.9459
    ],
    "TaskName": "workingmemory",
    "TotalReadoutTime": 0.025822520692561732,
    "UsePhilipsFloatNotDisplayScaling": 1,
    "acq_id": "seq",
    "dataset": "ds002785",
    "modality": "bold",
    "subject_id": "0101",
    "task_id": "workingmemory"
  },
  "dummy_trs": 0,
  "dvars_nstd": 20.134659838633546,
  "dvars_std": 1.1345906250931679,
  "dvars_vstd": 0.9612192870807456,
  "efc": 0.42945192059992043,
  "fber": 140473.765625,
  "fd_mean": 0.11885414446581788,
  "fd_num": 17,
  "fd_perc": 10.493827160493828,
  "fwhm_avg": 1.9473011201422787,
  "fwhm_x": 1.8428366666666667,
  "fwhm_y": 2.124033333333333,
  "fwhm_z": 1.8750333604268359,
  "gcor": 0.0142188,
  "gsr_x": -0.021322079002857208,
  "gsr_y": 0.01861461065709591,
  "provenance": {
    "md5sum": "9184ae8ef7c5d606c744486f5471c714",
    "settings": {
      "fd_thres": 0.2,
      "testing": false
    },
    "software": "mriqc",
    "version": "22.0.0rc1",
    "webapi_port": null,
    "webapi_url": "https://mriqc.nimh.nih.gov/api/v1"
  },
  "size_t": 162,
  "size_x": 80,
  "size_y": 80,
  "size_z": 37,
  "snr": 4.866908483951137,
  "spacing_tr": 2.0,
  "spacing_x": 3.0,
  "spacing_y": 3.0,
  "spacing_z": 3.299999952316284,
  "summary_bg_k": 55.75631604791393,
  "summary_bg_mad": 70.72905090776959,
  "summary_bg_mean": 532.1123657226562,
  "summary_bg_median": 59.94103240966797,
  "summary_bg_n": 158762.0,
  "summary_bg_p05": 3.2218114614486697,
  "summary_bg_p95": 2747.9191284179683,
  "summary_bg_stdv": 1552.6925048828125,
  "summary_fg_k": 1.6444720894236537,
  "summary_fg_mad": 4241.276112488535,
  "summary_fg_mean": 23504.509765625,
  "summary_fg_median": 22877.431640625,
  "summary_fg_n": 36379.0,
  "summary_fg_p05": 17022.9703125,
  "summary_fg_p95": 31791.885351562487,
  "summary_fg_stdv": 4700.5439453125,
  "tsnr": 57.028404235839844
}