{
  "aor": 0.001211777777777778,
  "aqi": 0.0039371505925925926,
  "bids_meta": {
    "AcquisitionNumber": 5,
    "BidsifyVersion": "0.3.5",
    "ConversionSoftware": "dcm2niix",
    "ConversionSoftwareVersion": "v1.0.20181125  GCC6.3.0",
    "EchoTime": 0.02762,
    "EffectiveEchoSpacing": 0.0006621159151938905,
    "ImageComments": "piop",
    "ImageOrientationPatientDICOM": [
      0.999789,
      -0.0149801,
      0.0140886,
      0.0178005,
      0.973467,
      -0.228136
    ],
    "Manufacturer": "Philips",
    "NumberOfVolumesDiscardedByScanner": 2,
    "ParallelAcquisitionTechnique": "SENSE",
    "ParallelReductionFactorInPlane": 2,
    "PatientPosition": "HFS",
    "PhaseEncodingDirection": "j",
    "PhilipsRescaleIntercept": 0,
    "PhilipsRescaleSlope": 0.77167,
    "PhilipsScaleSlope": 0.0566801,
    "ProtocolName": "WIPpiopharririSENSE",
    "PulseSequenceType": "gradient echo EPI",
    "ReconMatrixPE": 80,
    "RepetitionTime": 2,
    "SeriesDescription": "ImageMRSERIES",
    "SeriesNumber": 5,
    "SliceEncodingDirection": "k",
    "SliceTiming": [
      0.0,
      0.0541,
      0.1081,
      0.1622,
      0.2162,
      0.2703,
      0.3243,
      0.3784,
      0.4324,
      0.4865,
      0.5405,
      0.5946,
      0.6486,
      0.7027,
      0.7568,
      0.8108,
      0.8649,
      0.9189,
      0.973,
      1.027,
      1.0811,
      1.1351,
      1.1892,
      1.2432,
      1.2973,
      1.3514,
      1.4054,
      1.4595,
      1.5135,
      1.5676,
      1.6216,
      1.6757,
      1.7297,
      1.7838,
      1.8378,
      1.8919,
      1.9459
    ],
    "TaskName": "emomatching",
    "TotalReadoutTime": 0.025822520692561732,
    "UsePhilipsFloatNotDisplayScaling": 1,
    "acq_id": "seq",
    "dataset": "ds002785",
    "modality": "bold",
    "subject_id": "0101",
    "task_id": "emomatching"
  },
  "dummy_trs": 0,
  "dvars_nstd": 18.841444008208942,
  "dvars_std": 1.1565869205970147,
  "dvars_vstd": 0.9941172935820898,
  "efc": 0.4279818682301481,
  "fber": 160916.359375,
  "fd_mean": 0.11319192640926393,
  "fd_num": 14,
  "fd_perc": 10.37037037037037,
  "fwhm_avg": 1.9304210190141868,
  "fwhm_x": 1.8329333333333333,
  "fwhm_y": 2.1077933333333334,
  "fwhm_z": 1.8505363903758945,
  "gcor": 0.0189172,
  "gsr_x": -0.020723367109894753,
  "gsr_y": 0.01862538605928421,
  "provenance": {
    "md5sum": "2700ebc66805df3c343892c765b39f53",
    "settings": {
      "fd_thres": 0.2,
      "testing": false
    },
    "software": "mriqc",
    "version": "22.0.0rc1",
    "webapi_port": null,
    "webapi_url": "https://mriqc.nimh.nih.gov/api/v1"
  },
  "size_t": 135,
  "size_x": 80,
  "size_y": 80,
  "size_z": 37,
  "snr": 4.851261921212747,
  "spacing_tr": 2.0,
  "spacing_x": 3.0,
  "spacing_y": 3.0,
  "spacing_z": 3.299999952316284,
  "summary_bg_k": 54.62555052375393,
  "summary_bg_mad": 58.675935137621906,
  "summary_bg_mean": 519.236572265625,
  "summary_bg_median": 55.96699523925781,
  "summary_bg_n": 158755.0,
  "summary_bg_p05": 3.2636049032211303,
  "summary_bg_p95": 2664.8627685546858,
  "summary_bg_stdv": 1540.046875,
  "summary_fg_k": 1.7172675772484176,
  "summary_fg_mad": 4258.430283469837,
  "summary_fg_mean": 23687.01953125,
  "summary_fg_median": 23068.375,
  "summary_fg_n": 36429.0,
  "summary_fg_p05": 17078.078515625,
  "summary_fg_p95": 31967.692187499993,
  "summary_fg_stdv": 4755.0634765625,
  "tsnr": 78.26808166503906
}