{
  "bids_meta": {
    "AcquisitionNumber": 4,
    "BidsifyVersion": "0.3.5",
    "ConversionSoftware": "dcm2niix",
    "ConversionSoftwareVersion": "v1.0.20181125  GCC6.3.0",
    "EchoTime": 0.00373,
    "ImageComments": "PIOP",
    "ImageOrientationPatientDICOM": [
      0.999164,
      0.0403662,
      -0.00643512,
      -0.0403052,
      0.999144,
      0.00934255
    ],
    "Manufacturer": "Philips",
    "PatientPosition": "HFS",
    "PhilipsRescaleIntercept": 0,
    "PhilipsRescaleSlope": 8.73455,
    "PhilipsScaleSlope": 0.0070436,
    "ProtocolName": "WIPt13dSENSE",
    "ReconMatrixPE": 240,
    "RepetitionTime": 0.008131,
    "SeriesDescription": "ImageMRSERIES",
    "SeriesNumber": 4,
    "UsePhilipsFloatNotDisplayScaling": 1,
    "dataset": "ds002785",
    "modality": "T1w",
    "subject_id": "0213"
  },
  "cjv": 0.26944014817556217,
  "cnr": 4.895783384784272,
  "efc": 0.7569679011535765,
  "fber": -1.0,
  "fwhm_avg": 3.8994099999999996,
  "fwhm_x": 3.88251,
  "fwhm_y": 4.09549,
  "fwhm_z": 3.72023,
  "icvs_csf": 0.19134609220586024,
  "icvs_gm": 0.4816199532326451,
  "icvs_wm": 0.32703395456149464,
  "inu_med": 0.6036399602890015,
  "inu_range": 0.2395929694175719,
  "provenance": {
    "md5sum": "ba1fb54720432aa662445043b26ae194",
    "settings": {
      "testing": false
    },
    "software": "mriqc",
    "version": "23.0.1",
    "warnings": {
      "large_rot_frame": true,
      "small_air_mask": true
    },
    "webapi_port": null,
    "webapi_url": "https://mriqc.nimh.nih.gov/api/v1"
  },
  "qi_1": 0.0,
  "qi_2": 0.00030128927311779763,
  "rpve_csf": 24.619095760938567,
  "rpve_gm": 11.302562593647158,
  "rpve_wm": 19.056153686641874,
  "size_x": 240,
  "size_y": 240,
  "size_z": 220,
  "snr_csf": 1.4684039712384207,
  "snr_gm": 7.965295380271467,
  "snr_total": 10.443231620224884,
  "snr_wm": 21.895995509164766,
  "snrd_csf": 21.552185970628297,
  "snrd_gm": 83.01152021245568,
  "snrd_total": 82.63818277215424,
  "snrd_wm": 143.35084213337873,
  "spacing_x": 1.0,
  "spacing_y": 1.0,
  "spacing_z": 1.0,
  "summary_bg_k": 112.25296365467496,
  "summary_bg_mad": 0.0,
  "summary_bg_mean": 1.2771680861713421,
  "summary_bg_median": 0.0,
  "summary_bg_n": 98964.0,
  "summary_bg_p05": 0.0,
  "summary_bg_p95": 8.807598059717348,
  "summary_bg_stdv": 4.570046642633562,
  "summary_csf_k": 1.8892609014683925,
  "summary_csf_mad": 83.71140123260035,
  "summary_csf_mean": 173.5783531117793,
  "summary_csf_median": 150.34196716360748,
  "summary_csf_n": 23477.0,
  "summary_csf_p05": 46.72257913611829,
  "summary_csf_p95": 373.1216545179486,
  "summary_csf_stdv": 102.38242893315372,
  "summary_gm_k": 0.035583949385948443,
  "summary_gm_mad": 72.29452798757065,
  "summary_gm_mean": 580.5142781112629,
  "summary_gm_median": 579.0649386094883,
  "summary_gm_n": 51718.0,
  "summary_gm_p05": 461.85536562064664,
  "summary_gm_p95": 700.9959432916713,
  "summary_gm_stdv": 72.6977861642867,
  "summary_wm_k": 0.981889399938507,
  "summary_wm_mad": 41.11554675924801,
  "summary_wm_mean": 997.8773429316581,
  "summary_wm_median": 999.975020179525,
  "summary_wm_n": 195545.0,
  "summary_wm_p05": 919.00053213723,
  "summary_wm_p95": 1068.7933504916728,
  "summary_wm_stdv": 45.66919384256274,
  "tpm_overlap_csf": 0.1639310569717325,
  "tpm_overlap_gm": 0.4822427362077034,
  "tpm_overlap_wm": 0.5028340843481462,
  "wm2max": 0.712943341230005
}