{
  "aor": 0.000756172839506173,
  "aqi": 0.0024261662962962965,
  "bids_meta": {
    "AcquisitionNumber": 8,
    "BidsifyVersion": "0.3.5",
    "ConversionSoftware": "dcm2niix",
    "ConversionSoftwareVersion": "v1.0.20181125  GCC6.3.0",
    "EchoTime": 0.02762,
    "ImageComments": "PIOP",
    "ImageOrientationPatientDICOM": [
      0.999564,
      0.0132151,
      0.0264015,
      -0.00348915,
      0.94084,
      -0.338832
    ],
    "Manufacturer": "Philips",
    "NumberOfVolumesDiscardedByScanner": 2,
    "ParallelAcquisitionTechnique": "SENSE",
    "ParallelReductionFactorInPlane": 2,
    "PatientPosition": "HFS",
    "PhaseEncodingDirection": "j",
    "PhilipsRescaleIntercept": 0,
    "PhilipsRescaleSlope": 0.83175,
    "PhilipsScaleSlope": 0.0529636,
    "ProtocolName": "WIPpiopwmSENSE",
    "PulseSequenceType": "gradient echo EPI",
    "ReconMatrixPE": 80,
    "RepetitionTime": 2,
    "SeriesDescription": "ImageMRSERIES",
    "SeriesNumber": 8,
    "SliceEncodingDirection": "k",
    "TaskName": "workingmemory",
    "UsePhilipsFloatNotDisplayScaling": 1,
    "acq_id": "seq",
    "dataset": "ds002785",
    "modality": "bold",
    "subject_id": "0205",
    "task_id": "workingmemory"
  },
  "dummy_trs": 0,
  "dvars_nstd": 19.380129340124217,
  "dvars_std": 1.2597492118012423,
  "dvars_vstd": 1.013112321366459,
  "efc": 0.40936328603491984,
  "fber": 151122.46875,
  "fd_mean": 0.12786626506152288,
  "fd_num": 22,
  "fd_perc": 13.580246913580247,
  "fwhm_avg": 1.8940904128496312,
  "fwhm_x": 1.8612466666666665,
  "fwhm_y": 1.99207,
  "fwhm_z": 1.8289545718822273,
  "gcor": 0.0192252,
  "gsr_x": -0.02373015321791172,
  "gsr_y": 0.011612135916948318,
  "provenance": {
    "md5sum": "6c2a9891bd9434cd2395dffb7e016ad3",
    "settings": {
      "fd_thres": 0.2,
      "testing": false
    },
    "software": "mriqc",
    "version": "23.0.1",
    "webapi_port": null,
    "webapi_url": "https://mriqc.nimh.nih.gov/api/v1"
  },
  "size_t": 162,
  "size_x": 80,
  "size_y": 80,
  "size_z": 37,
  "snr": 5.044879094066964,
  "spacing_tr": 2.0,
  "spacing_x": 3.0,
  "spacing_y": 3.0,
  "spacing_z": 3.299999952316284,
  "summary_bg_k": 87.09455113661741,
  "summary_bg_mad": 73.40217984030612,
  "summary_bg_mean": 620.93115234375,
  "summary_bg_median": 69.04218292236328,
  "summary_bg_n": 163447.0,
  "summary_bg_p05": 3.947942113876343,
  "summary_bg_p95": 2924.107641601557,
  "summary_bg_stdv": 1923.8306884765625,
  "summary_fg_k": 1.4710147521961554,
  "summary_fg_mad": 5059.099187026939,
  "summary_fg_mean": 28224.384765625,
  "summary_fg_median": 27551.724609375,
  "summary_fg_n": 32379.0,
  "summary_fg_p05": 20716.54375,
  "summary_fg_p95": 38057.528515624996,
  "summary_fg_stdv": 5461.24072265625,
  "tsnr": 94.90309143066406
}