{
  "aor": 0.0005474285714285714,
  "aqi": 0.003233352734693878,
  "bids_meta": {
    "AcquisitionNumber": 3,
    "BidsifyVersion": "0.3.5",
    "ConversionSoftware": "dcm2niix",
    "ConversionSoftwareVersion": "v1.0.20181125  GCC6.3.0",
    "EchoTime": 0.02762,
    "ImageComments": "PIOP",
    "ImageOrientationPatientDICOM": [
      0.999564,
      0.0132151,
      0.0264015,
      -0.00348915,
      0.94084,
      -0.338832
    ],
    "Manufacturer": "Philips",
    "NumberOfVolumesDiscardedByScanner": 2,
    "ParallelAcquisitionTechnique": "SENSE",
    "ParallelReductionFactorInPlane": 2,
    "PatientPosition": "HFS",
    "PhaseEncodingDirection": "j",
    "PhilipsRescaleIntercept": 0,
    "PhilipsRescaleSlope": 0.82344,
    "PhilipsScaleSlope": 0.0518164,
    "ProtocolName": "WIPpiopgstroopSENSE",
    "PulseSequenceType": "gradient echo EPI",
    "ReconMatrixPE": 80,
    "RepetitionTime": 2,
    "SeriesDescription": "ImageMRSERIES",
    "SeriesNumber": 3,
    "SliceEncodingDirection": "k",
    "TaskName": "gstroop",
    "UsePhilipsFloatNotDisplayScaling": 1,
    "acq_id": "seq",
    "dataset": "ds002785",
    "modality": "bold",
    "subject_id": "0205",
    "task_id": "gstroop"
  },
  "dummy_trs": 0,
  "dvars_nstd": 21.03078382909836,
  "dvars_std": 1.2701206129918028,
  "dvars_vstd": 0.9908297251229506,
  "efc": 0.40753070723683793,
  "fber": 157488.796875,
  "fd_mean": 0.12413556207549607,
  "fd_num": 28,
  "fd_perc": 11.428571428571429,
  "fwhm_avg": 1.8897406148327167,
  "fwhm_x": 1.8720266666666667,
  "fwhm_y": 1.9759466666666665,
  "fwhm_z": 1.8212485111648171,
  "gcor": 0.0250493,
  "gsr_x": -0.022753126919269562,
  "gsr_y": 0.013072352856397629,
  "provenance": {
    "md5sum": "dba47156e863684a832fab6bd7c75e26",
    "settings": {
      "fd_thres": 0.2,
      "testing": false
    },
    "software": "mriqc",
    "version": "23.0.1",
    "webapi_port": null,
    "webapi_url": "https://mriqc.nimh.nih.gov/api/v1"
  },
  "size_t": 245,
  "size_x": 80,
  "size_y": 80,
  "size_z": 37,
  "snr": 5.155964884439492,
  "spacing_tr": 2.0,
  "spacing_x": 3.0,
  "spacing_y": 3.0,
  "spacing_z": 3.299999952316284,
  "summary_bg_k": 80.81380048168585,
  "summary_bg_mad": 71.68698218250661,
  "summary_bg_mean": 598.4459228515625,
  "summary_bg_median": 67.45246887207031,
  "summary_bg_n": 163722.0,
  "summary_bg_p05": 3.954163634777069,
  "summary_bg_p95": 2771.8430297851523,
  "summary_bg_stdv": 1867.747802734375,
  "summary_fg_k": 1.2963766063278603,
  "summary_fg_mad": 4925.518754134804,
  "summary_fg_mean": 28107.91796875,
  "summary_fg_median": 27471.8515625,
  "summary_fg_n": 32126.0,
  "summary_fg_p05": 20736.37109375,
  "summary_fg_p95": 37594.8828125,
  "summary_fg_stdv": 5328.0859375,
  "tsnr": 85.30033111572266
}