{
  "aor": 0.000324384133611691,
  "aqi": 0.006609653173277662,
  "bids_meta": {
    "AcquisitionNumber": 6,
    "BidsifyVersion": "0.3.5",
    "ConversionSoftware": "dcm2niix",
    "ConversionSoftwareVersion": "v1.0.20181125  GCC6.3.0",
    "EchoTime": 0.02762,
    "ImageComments": "PIOP",
    "ImageOrientationPatientDICOM": [
      0.999564,
      0.0132151,
      0.0264015,
      -0.00348915,
      0.94084,
      -0.338832
    ],
    "Manufacturer": "Philips",
    "NumberOfVolumesDiscardedByScanner": 2,
    "ParallelAcquisitionTechnique": "SENSE",
    "ParallelReductionFactorInPlane": 2,
    "PatientPosition": "HFS",
    "PhaseEncodingDirection": "j",
    "PhilipsRescaleIntercept": 0,
    "PhilipsRescaleSlope": 0.77827,
    "PhilipsScaleSlope": 0.0876511,
    "ProtocolName": "WIPpioprsSENSE",
    "PulseSequenceType": "gradient echo EPI",
    "ReconMatrixPE": 80,
    "RepetitionTime": 0.75,
    "SeriesDescription": "ImageMRSERIES",
    "SeriesNumber": 6,
    "SliceEncodingDirection": "k",
    "TaskName": "restingstate",
    "UsePhilipsFloatNotDisplayScaling": 1,
    "acq_id": "mb3",
    "dataset": "ds002785",
    "modality": "bold",
    "subject_id": "0205",
    "task_id": "restingstate"
  },
  "dummy_trs": 1,
  "dvars_nstd": 26.8711948916318,
  "dvars_std": 1.2026231041631796,
  "dvars_vstd": 0.9950140271338924,
  "efc": 0.41644212053248586,
  "fber": 145126.703125,
  "fd_mean": 0.09115611224364376,
  "fd_num": 7,
  "fd_perc": 1.4613778705636744,
  "fwhm_avg": 1.9316259684218842,
  "fwhm_x": 1.9320866666666667,
  "fwhm_y": 2.03037,
  "fwhm_z": 1.832421238598986,
  "gcor": 0.0127706,
  "gsr_x": -0.02600191719830036,
  "gsr_y": 0.010804520919919014,
  "provenance": {
    "md5sum": "a64914a686357f0978fe5268a16ece67",
    "settings": {
      "fd_thres": 0.2,
      "testing": false
    },
    "software": "mriqc",
    "version": "23.0.1",
    "webapi_port": null,
    "webapi_url": "https://mriqc.nimh.nih.gov/api/v1"
  },
  "size_t": 479,
  "size_x": 80,
  "size_y": 80,
  "size_z": 36,
  "snr": 5.753680238002065,
  "spacing_tr": 0.75,
  "spacing_x": 3.0,
  "spacing_y": 3.0,
  "spacing_z": 3.299999952316284,
  "summary_bg_k": 54.92220099504524,
  "summary_bg_mad": 58.228842430646715,
  "summary_bg_mean": 457.9517822265625,
  "summary_bg_median": 49.9483757019043,
  "summary_bg_n": 158359.0,
  "summary_bg_p05": 2.3246562004089357,
  "summary_bg_p95": 2204.382177734378,
  "summary_bg_stdv": 1328.7457275390625,
  "summary_fg_k": 0.9450290265016541,
  "summary_fg_mad": 3084.0225532823583,
  "summary_fg_mean": 19723.35546875,
  "summary_fg_median": 19570.693359375,
  "summary_fg_n": 31712.0,
  "summary_fg_p05": 14429.051708984374,
  "summary_fg_p95": 25565.885156249995,
  "summary_fg_stdv": 3401.3681640625,
  "tsnr": 56.94084167480469
}