{
  "aor": 0.0013468888888888888,
  "aqi": 0.003332600962962963,
  "bids_meta": {
    "AcquisitionNumber": 5,
    "BidsifyVersion": "0.3.5",
    "ConversionSoftware": "dcm2niix",
    "ConversionSoftwareVersion": "v1.0.20181125  GCC6.3.0",
    "EchoTime": 0.02762,
    "ImageComments": "PIOP",
    "ImageOrientationPatientDICOM": [
      0.999564,
      0.0132151,
      0.0264015,
      -0.00348915,
      0.94084,
      -0.338832
    ],
    "Manufacturer": "Philips",
    "NumberOfVolumesDiscardedByScanner": 2,
    "ParallelAcquisitionTechnique": "SENSE",
    "ParallelReductionFactorInPlane": 2,
    "PatientPosition": "HFS",
    "PhaseEncodingDirection": "j",
    "PhilipsRescaleIntercept": 0,
    "PhilipsRescaleSlope": 0.80049,
    "PhilipsScaleSlope": 0.0556115,
    "ProtocolName": "WIPpiopharririSENSE",
    "PulseSequenceType": "gradient echo EPI",
    "ReconMatrixPE": 80,
    "RepetitionTime": 2,
    "SeriesDescription": "ImageMRSERIES",
    "SeriesNumber": 5,
    "SliceEncodingDirection": "k",
    "TaskName": "emomatching",
    "UsePhilipsFloatNotDisplayScaling": 1,
    "acq_id": "seq",
    "dataset": "ds002785",
    "modality": "bold",
    "subject_id": "0205",
    "task_id": "emomatching"
  },
  "dummy_trs": 0,
  "dvars_nstd": 21.12249979313432,
  "dvars_std": 1.2561590588059708,
  "dvars_vstd": 0.9985849876865672,
  "efc": 0.4081507968947439,
  "fber": 151103.625,
  "fd_mean": 0.13477449417676363,
  "fd_num": 22,
  "fd_perc": 16.296296296296298,
  "fwhm_avg": 1.904956877522937,
  "fwhm_x": 1.88326,
  "fwhm_y": 1.9970833333333333,
  "fwhm_z": 1.8345272992354782,
  "gcor": 0.0267389,
  "gsr_x": -0.02341291308403015,
  "gsr_y": 0.012783749960362911,
  "provenance": {
    "md5sum": "1f6fef07cc0a658698478ccb256fdc2c",
    "settings": {
      "fd_thres": 0.2,
      "testing": false
    },
    "software": "mriqc",
    "version": "23.0.1",
    "webapi_port": null,
    "webapi_url": "https://mriqc.nimh.nih.gov/api/v1"
  },
  "size_t": 135,
  "size_x": 80,
  "size_y": 80,
  "size_z": 37,
  "snr": 5.052820602285454,
  "spacing_tr": 2.0,
  "spacing_x": 3.0,
  "spacing_y": 3.0,
  "spacing_z": 3.299999952316284,
  "summary_bg_k": 79.59152137066064,
  "summary_bg_mad": 72.40323711895114,
  "summary_bg_mean": 607.8555297851562,
  "summary_bg_median": 68.4808349609375,
  "summary_bg_n": 163688.0,
  "summary_bg_p05": 4.303336572647095,
  "summary_bg_p95": 2836.607629394531,
  "summary_bg_stdv": 1880.4654541015625,
  "summary_fg_k": 1.3076870827667593,
  "summary_fg_mad": 4992.53845539692,
  "summary_fg_mean": 28017.775390625,
  "summary_fg_median": 27344.623046875,
  "summary_fg_n": 32112.0,
  "summary_fg_p05": 20499.00146484375,
  "summary_fg_p95": 37744.7185546875,
  "summary_fg_stdv": 5411.669921875,
  "tsnr": 84.20484924316406
}