{
  "aor": 0.0006589,
  "aqi": 0.0032056877,
  "bids_meta": {
    "AcquisitionNumber": 9,
    "BidsifyVersion": "0.3.5",
    "ConversionSoftware": "dcm2niix",
    "ConversionSoftwareVersion": "v1.0.20181125  GCC6.3.0",
    "EchoTime": 0.02762,
    "ImageComments": "PIOP",
    "ImageOrientationPatientDICOM": [
      0.999564,
      0.0132151,
      0.0264015,
      -0.00348915,
      0.94084,
      -0.338832
    ],
    "Manufacturer": "Philips",
    "NumberOfVolumesDiscardedByScanner": 2,
    "ParallelAcquisitionTechnique": "SENSE",
    "ParallelReductionFactorInPlane": 2,
    "PatientPosition": "HFS",
    "PhaseEncodingDirection": "j",
    "PhilipsRescaleIntercept": 0,
    "PhilipsRescaleSlope": 0.81538,
    "PhilipsScaleSlope": 0.0552188,
    "ProtocolName": "WIPpiopanticipatieSENSE",
    "PulseSequenceType": "gradient echo EPI",
    "ReconMatrixPE": 80,
    "RepetitionTime": 2,
    "SeriesDescription": "ImageMRSERIES",
    "SeriesNumber": 9,
    "SliceEncodingDirection": "k",
    "TaskName": "anticipation",
    "UsePhilipsFloatNotDisplayScaling": 1,
    "acq_id": "seq",
    "dataset": "ds002785",
    "modality": "bold",
    "subject_id": "0205",
    "task_id": "anticipation"
  },
  "dummy_trs": 0,
  "dvars_nstd": 21.391914185879394,
  "dvars_std": 1.2705191065326635,
  "dvars_vstd": 0.9933203917587952,
  "efc": 0.4088756470414388,
  "fber": 148527.75,
  "fd_mean": 0.15457742157635254,
  "fd_num": 50,
  "fd_perc": 25.0,
  "fwhm_avg": 1.8725086955278865,
  "fwhm_x": 1.85143,
  "fwhm_y": 1.9682899999999999,
  "fwhm_z": 1.797806086583659,
  "gcor": 0.030517,
  "gsr_x": -0.023641468957066536,
  "gsr_y": 0.012431599199771881,
  "provenance": {
    "md5sum": "d49026fef15c86e7ffbe177caf834699",
    "settings": {
      "fd_thres": 0.2,
      "testing": false
    },
    "software": "mriqc",
    "version": "23.0.1",
    "webapi_port": null,
    "webapi_url": "https://mriqc.nimh.nih.gov/api/v1"
  },
  "size_t": 200,
  "size_x": 80,
  "size_y": 80,
  "size_z": 37,
  "snr": 5.128775979223312,
  "spacing_tr": 2.0,
  "spacing_x": 3.0,
  "spacing_y": 3.0,
  "spacing_z": 3.299999952316284,
  "summary_bg_k": 82.37460110202565,
  "summary_bg_mad": 73.42731791789211,
  "summary_bg_mean": 623.1810913085938,
  "summary_bg_median": 68.92236328125,
  "summary_bg_n": 163734.0,
  "summary_bg_p05": 4.208768868446351,
  "summary_bg_p95": 2947.305834960938,
  "summary_bg_stdv": 1919.4637451171875,
  "summary_fg_k": 1.3757074903348911,
  "summary_fg_mad": 4933.968428497304,
  "summary_fg_mean": 27980.10546875,
  "summary_fg_median": 27341.83984375,
  "summary_fg_n": 32148.0,
  "summary_fg_p05": 20600.66474609375,
  "summary_fg_p95": 37547.191796874984,
  "summary_fg_stdv": 5330.982421875,
  "tsnr": 86.966552734375
}