{
  "aor": 0.0027687755102040815,
  "aqi": 0.005667518040816327,
  "bids_meta": {
    "AcquisitionNumber": 3,
    "BidsifyVersion": "0.3.5",
    "ConversionSoftware": "dcm2niix",
    "ConversionSoftwareVersion": "v1.0.20181125  GCC6.3.0",
    "EchoTime": 0.02762,
    "EffectiveEchoSpacing": 0.0006621159151938905,
    "ImageComments": "piop",
    "ImageOrientationPatientDICOM": [
      0.993027,
      -0.103143,
      0.0570932,
      0.117181,
      0.916632,
      -0.382171
    ],
    "Manufacturer": "Philips",
    "NumberOfVolumesDiscardedByScanner": 2,
    "ParallelAcquisitionTechnique": "SENSE",
    "ParallelReductionFactorInPlane": 2,
    "PatientPosition": "HFS",
    "PhaseEncodingDirection": "j",
    "PhilipsRescaleIntercept": 0,
    "PhilipsRescaleSlope": 0.73626,
    "PhilipsScaleSlope": 0.0633786,
    "ProtocolName": "WIPpiopgstroopSENSE",
    "PulseSequenceType": "gradient echo EPI",
    "ReconMatrixPE": 80,
    "RepetitionTime": 2,
    "SeriesDescription": "ImageMRSERIES",
    "SeriesNumber": 3,
    "SliceEncodingDirection": "k",
    "SliceTiming": [
      0.0,
      0.0541,
      0.1081,
      0.1622,
      0.2162,
      0.2703,
      0.3243,
      0.3784,
      0.4324,
      0.4865,
      0.5405,
      0.5946,
      0.6486,
      0.7027,
      0.7568,
      0.8108,
      0.8649,
      0.9189,
      0.973,
      1.027,
      1.0811,
      1.1351,
      1.1892,
      1.2432,
      1.2973,
      1.3514,
      1.4054,
      1.4595,
      1.5135,
      1.5676,
      1.6216,
      1.6757,
      1.7297,
      1.7838,
      1.8378,
      1.8919,
      1.9459
    ],
    "TaskName": "gstroop",
    "TotalReadoutTime": 0.025822520692561732,
    "UsePhilipsFloatNotDisplayScaling": 1,
    "acq_id": "seq",
    "dataset": "ds002785",
    "modality": "bold",
    "subject_id": "0115",
    "task_id": "gstroop"
  },
  "dummy_trs": 0,
  "dvars_nstd": 20.28058564848359,
  "dvars_std": 1.1903486273770498,
  "dvars_vstd": 1.0208115309016395,
  "efc": 0.40279090324890493,
  "fber": 181213.71875,
  "fd_mean": 0.1668719714373229,
  "fd_num": 55,
  "fd_perc": 22.448979591836736,
  "fwhm_avg": 1.712929906959998,
  "fwhm_x": 1.7162466666666667,
  "fwhm_y": 1.7678066666666667,
  "fwhm_z": 1.6547363875466605,
  "gcor": 0.0166049,
  "gsr_x": -0.014572854153811932,
  "gsr_y": 0.0037814737297594547,
  "provenance": {
    "md5sum": "da97d389e1ae5a3f4d586c375626f3a2",
    "settings": {
      "fd_thres": 0.2,
      "testing": false
    },
    "software": "mriqc",
    "version": "22.0.0rc1",
    "webapi_port": null,
    "webapi_url": "https://mriqc.nimh.nih.gov/api/v1"
  },
  "size_t": 245,
  "size_x": 80,
  "size_y": 80,
  "size_z": 37,
  "snr": 5.823428226567425,
  "spacing_tr": 2.0,
  "spacing_x": 3.0,
  "spacing_y": 3.0,
  "spacing_z": 3.299999952316284,
  "summary_bg_k": 92.73807476365471,
  "summary_bg_mad": 51.08749903322066,
  "summary_bg_mean": 487.55291748046875,
  "summary_bg_median": 52.611289978027344,
  "summary_bg_n": 164745.0,
  "summary_bg_p05": 4.499671840667725,
  "summary_bg_p95": 2450.6279785156094,
  "summary_bg_stdv": 1623.9527587890625,
  "summary_fg_k": 3.5777114426573924,
  "summary_fg_mad": 3359.2059765790677,
  "summary_fg_mean": 23407.173828125,
  "summary_fg_median": 22920.109375,
  "summary_fg_n": 31356.0,
  "summary_fg_p05": 18212.61083984375,
  "summary_fg_p95": 29756.62353515625,
  "summary_fg_stdv": 3935.781982421875,
  "tsnr": 82.13381958007812
}