{
  "aor": 0.0018221500000000002,
  "aqi": 0.0042523949,
  "bids_meta": {
    "AcquisitionNumber": 9,
    "BidsifyVersion": "0.3.5",
    "ConversionSoftware": "dcm2niix",
    "ConversionSoftwareVersion": "v1.0.20181125  GCC6.3.0",
    "EchoTime": 0.02762,
    "EffectiveEchoSpacing": 0.0006621159151938905,
    "ImageComments": "piop",
    "ImageOrientationPatientDICOM": [
      0.993027,
      -0.103143,
      0.0570932,
      0.117181,
      0.916632,
      -0.382171
    ],
    "Manufacturer": "Philips",
    "NumberOfVolumesDiscardedByScanner": 2,
    "ParallelAcquisitionTechnique": "SENSE",
    "ParallelReductionFactorInPlane": 2,
    "PatientPosition": "HFS",
    "PhaseEncodingDirection": "j",
    "PhilipsRescaleIntercept": 0,
    "PhilipsRescaleSlope": 0.75995,
    "PhilipsScaleSlope": 0.0622538,
    "ProtocolName": "WIPpiopanticipatieSENSE",
    "PulseSequenceType": "gradient echo EPI",
    "ReconMatrixPE": 80,
    "RepetitionTime": 2,
    "SeriesDescription": "ImageMRSERIES",
    "SeriesNumber": 9,
    "SliceEncodingDirection": "k",
    "SliceTiming": [
      0.0,
      0.0541,
      0.1081,
      0.1622,
      0.2162,
      0.2703,
      0.3243,
      0.3784,
      0.4324,
      0.4865,
      0.5405,
      0.5946,
      0.6486,
      0.7027,
      0.7568,
      0.8108,
      0.8649,
      0.9189,
      0.973,
      1.027,
      1.0811,
      1.1351,
      1.1892,
      1.2432,
      1.2973,
      1.3514,
      1.4054,
      1.4595,
      1.5135,
      1.5676,
      1.6216,
      1.6757,
      1.7297,
      1.7838,
      1.8378,
      1.8919,
      1.9459
    ],
    "TaskName": "anticipation",
    "TotalReadoutTime": 0.025822520692561732,
    "UsePhilipsFloatNotDisplayScaling": 1,
    "acq_id": "seq",
    "dataset": "ds002785",
    "modality": "bold",
    "subject_id": "0115",
    "task_id": "anticipation"
  },
  "dummy_trs": 0,
  "dvars_nstd": 20.520319598291458,
  "dvars_std": 1.2308341180402007,
  "dvars_vstd": 1.014208655929649,
  "efc": 0.403887199060571,
  "fber": 183212.671875,
  "fd_mean": 0.13431015036918315,
  "fd_num": 18,
  "fd_perc": 9.0,
  "fwhm_avg": 1.767443139516205,
  "fwhm_x": 1.7700533333333333,
  "fwhm_y": 1.8291700000000002,
  "fwhm_z": 1.7031060852152808,
  "gcor": 0.0434403,
  "gsr_x": -0.015228234231472015,
  "gsr_y": 0.0036901908461004496,
  "provenance": {
    "md5sum": "8ad9259eae335887fa224014e996aaa2",
    "settings": {
      "fd_thres": 0.2,
      "testing": false
    },
    "software": "mriqc",
    "version": "22.0.0rc1",
    "webapi_port": null,
    "webapi_url": "https://mriqc.nimh.nih.gov/api/v1"
  },
  "size_t": 200,
  "size_x": 80,
  "size_y": 80,
  "size_z": 37,
  "snr": 5.5346286836492915,
  "spacing_tr": 2.0,
  "spacing_x": 3.0,
  "spacing_y": 3.0,
  "spacing_z": 3.299999952316284,
  "summary_bg_k": 94.67354166967381,
  "summary_bg_mad": 50.75686523273335,
  "summary_bg_mean": 499.89691162109375,
  "summary_bg_median": 52.48926544189453,
  "summary_bg_n": 164643.0,
  "summary_bg_p05": 4.0063361644744875,
  "summary_bg_p95": 2629.2716796874965,
  "summary_bg_stdv": 1613.774169921875,
  "summary_fg_k": 3.4757857174787254,
  "summary_fg_mad": 3540.865288250416,
  "summary_fg_mean": 23527.79296875,
  "summary_fg_median": 22992.5390625,
  "summary_fg_n": 31531.0,
  "summary_fg_p05": 17987.26953125,
  "summary_fg_p95": 30187.9931640625,
  "summary_fg_stdv": 4154.23974609375,
  "tsnr": 91.26948547363281
}