{
  "aor": 0.00031266666666666666,
  "aqi": 0.009140493121212121,
  "bids_meta": {
    "AcquisitionNumber": 2,
    "BidsifyVersion": "0.3.5",
    "ConversionSoftware": "dcm2niix",
    "ConversionSoftwareVersion": "v1.0.20181125  GCC6.3.0",
    "EchoTime": 0.02762,
    "EffectiveEchoSpacing": 0.0006333282667071997,
    "ImageComments": "piop",
    "ImageOrientationPatientDICOM": [
      0.993027,
      -0.103143,
      0.0570932,
      0.117181,
      0.916632,
      -0.382171
    ],
    "Manufacturer": "Philips",
    "NumberOfVolumesDiscardedByScanner": 2,
    "ParallelAcquisitionTechnique": "SENSE",
    "ParallelReductionFactorInPlane": 2,
    "PatientPosition": "HFS",
    "PhaseEncodingDirection": "j",
    "PhilipsRescaleIntercept": 0,
    "PhilipsRescaleSlope": 0.779,
    "PhilipsScaleSlope": 0.100386,
    "ProtocolName": "WIPpiopfacesSENSE",
    "PulseSequenceType": "gradient echo EPI",
    "ReconMatrixPE": 80,
    "RepetitionTime": 0.75,
    "SeriesDescription": "ImageMRSERIES",
    "SeriesNumber": 2,
    "SliceEncodingDirection": "k",
    "SliceTiming": [
      0.0,
      0.06755050505050506,
      0.1351010101010101,
      0.20265151515151517,
      0.2702020202020202,
      0.3377525252525253,
      0.40530303030303033,
      0.47285353535353536,
      0.5404040404040404,
      0.6079545454545455,
      0.6755050505050506,
      0.7430555555555556,
      0.0,
      0.06755050505050506,
      0.1351010101010101,
      0.20265151515151517,
      0.2702020202020202,
      0.3377525252525253,
      0.40530303030303033,
      0.47285353535353536,
      0.5404040404040404,
      0.6079545454545455,
      0.6755050505050506,
      0.7430555555555556,
      0.0,
      0.06755050505050506,
      0.1351010101010101,
      0.20265151515151517,
      0.2702020202020202,
      0.3377525252525253,
      0.40530303030303033,
      0.47285353535353536,
      0.5404040404040404,
      0.6079545454545455,
      0.6755050505050506,
      0.7430555555555556
    ],
    "TaskName": "faces",
    "TotalReadoutTime": 0.024699802401580786,
    "UsePhilipsFloatNotDisplayScaling": 1,
    "acq_id": "mb3",
    "dataset": "ds002785",
    "modality": "bold",
    "subject_id": "0115",
    "task_id": "faces"
  },
  "dummy_trs": 0,
  "dvars_nstd": 28.788926144984774,
  "dvars_std": 1.1683383610942248,
  "dvars_vstd": 1.0083249251975688,
  "efc": 0.4093383240271257,
  "fber": 198806.421875,
  "fd_mean": 0.09152563816135709,
  "fd_num": 6,
  "fd_perc": 1.8181818181818181,
  "fwhm_avg": 1.7507401090108363,
  "fwhm_x": 1.76949,
  "fwhm_y": 1.8216333333333334,
  "fwhm_z": 1.661096993699175,
  "gcor": 0.0108803,
  "gsr_x": -0.014650685712695122,
  "gsr_y": 0.0019571168813854456,
  "provenance": {
    "md5sum": "7e342b12810fe2e077a08a505aba62bf",
    "settings": {
      "fd_thres": 0.2,
      "testing": false
    },
    "software": "mriqc",
    "version": "22.0.0rc1",
    "webapi_port": null,
    "webapi_url": "https://mriqc.nimh.nih.gov/api/v1"
  },
  "size_t": 330,
  "size_x": 80,
  "size_y": 80,
  "size_z": 36,
  "snr": 7.214415224243545,
  "spacing_tr": 0.75,
  "spacing_x": 3.0,
  "spacing_y": 3.0,
  "spacing_z": 3.299999952316284,
  "summary_bg_k": 64.5066500151251,
  "summary_bg_mad": 39.01010272775911,
  "summary_bg_mean": 362.69171142578125,
  "summary_bg_median": 36.96332550048828,
  "summary_bg_n": 159409.0,
  "summary_bg_p05": 1.786575198173523,
  "summary_bg_p95": 1828.558813476563,
  "summary_bg_stdv": 1142.0267333984375,
  "summary_fg_k": 2.401859088115607,
  "summary_fg_mad": 2105.457309895604,
  "summary_fg_mean": 17017.3125,
  "summary_fg_median": 16939.79296875,
  "summary_fg_n": 30934.0,
  "summary_fg_p05": 13467.658984375,
  "summary_fg_p95": 20777.59794921875,
  "summary_fg_stdv": 2348.010009765625,
  "tsnr": 57.11205291748047
}