{
  "aor": 0.0018224444444444447,
  "aqi": 0.004420543925925925,
  "bids_meta": {
    "AcquisitionNumber": 5,
    "BidsifyVersion": "0.3.5",
    "ConversionSoftware": "dcm2niix",
    "ConversionSoftwareVersion": "v1.0.20181125  GCC6.3.0",
    "EchoTime": 0.02762,
    "EffectiveEchoSpacing": 0.0006621159151938905,
    "ImageComments": "piop",
    "ImageOrientationPatientDICOM": [
      0.993027,
      -0.103143,
      0.0570932,
      0.117181,
      0.916632,
      -0.382171
    ],
    "Manufacturer": "Philips",
    "NumberOfVolumesDiscardedByScanner": 2,
    "ParallelAcquisitionTechnique": "SENSE",
    "ParallelReductionFactorInPlane": 2,
    "PatientPosition": "HFS",
    "PhaseEncodingDirection": "j",
    "PhilipsRescaleIntercept": 0,
    "PhilipsRescaleSlope": 0.74042,
    "PhilipsScaleSlope": 0.0616635,
    "ProtocolName": "WIPpiopharririSENSE",
    "PulseSequenceType": "gradient echo EPI",
    "ReconMatrixPE": 80,
    "RepetitionTime": 2,
    "SeriesDescription": "ImageMRSERIES",
    "SeriesNumber": 5,
    "SliceEncodingDirection": "k",
    "SliceTiming": [
      0.0,
      0.0541,
      0.1081,
      0.1622,
      0.2162,
      0.2703,
      0.3243,
      0.3784,
      0.4324,
      0.4865,
      0.5405,
      0.5946,
      0.6486,
      0.7027,
      0.7568,
      0.8108,
      0.8649,
      0.9189,
      0.973,
      1.027,
      1.0811,
      1.1351,
      1.1892,
      1.2432,
      1.2973,
      1.3514,
      1.4054,
      1.4595,
      1.5135,
      1.5676,
      1.6216,
      1.6757,
      1.7297,
      1.7838,
      1.8378,
      1.8919,
      1.9459
    ],
    "TaskName": "emomatching",
    "TotalReadoutTime": 0.025822520692561732,
    "UsePhilipsFloatNotDisplayScaling": 1,
    "acq_id": "seq",
    "dataset": "ds002785",
    "modality": "bold",
    "subject_id": "0115",
    "task_id": "emomatching"
  },
  "dummy_trs": 0,
  "dvars_nstd": 24.456188842164178,
  "dvars_std": 1.3593499808955218,
  "dvars_vstd": 1.0185798364179106,
  "efc": 0.40323483798274407,
  "fber": 185194.09375,
  "fd_mean": 0.14036639132057482,
  "fd_num": 13,
  "fd_perc": 9.62962962962963,
  "fwhm_avg": 1.7255204120361183,
  "fwhm_x": 1.72448,
  "fwhm_y": 1.7920266666666667,
  "fwhm_z": 1.660054569441688,
  "gcor": 0.036603,
  "gsr_x": -0.015045402571558952,
  "gsr_y": 0.004122254438698292,
  "provenance": {
    "md5sum": "b945df0e3421fc0e50be2ecad7d2e769",
    "settings": {
      "fd_thres": 0.2,
      "testing": false
    },
    "software": "mriqc",
    "version": "22.0.0rc1",
    "webapi_port": null,
    "webapi_url": "https://mriqc.nimh.nih.gov/api/v1"
  },
  "size_t": 135,
  "size_x": 80,
  "size_y": 80,
  "size_z": 37,
  "snr": 5.732383459218198,
  "spacing_tr": 2.0,
  "spacing_x": 3.0,
  "spacing_y": 3.0,
  "spacing_z": 3.299999952316284,
  "summary_bg_k": 90.37706800047916,
  "summary_bg_mad": 50.60645528743593,
  "summary_bg_mean": 498.1479797363281,
  "summary_bg_median": 52.64912796020508,
  "summary_bg_n": 164731.0,
  "summary_bg_p05": 4.042439937591553,
  "summary_bg_p95": 2595.1590576171875,
  "summary_bg_stdv": 1623.6385498046875,
  "summary_fg_k": 3.432663210291783,
  "summary_fg_mad": 3457.816398354438,
  "summary_fg_mean": 23721.1640625,
  "summary_fg_median": 23195.140625,
  "summary_fg_n": 31405.0,
  "summary_fg_p05": 18283.884375,
  "summary_fg_p95": 30222.48046875,
  "summary_fg_stdv": 4046.27001953125,
  "tsnr": 88.30835723876953
}