{
  "aor": 0.002282962962962963,
  "aqi": 0.004097828765432099,
  "bids_meta": {
    "AcquisitionNumber": 8,
    "BidsifyVersion": "0.3.5",
    "ConversionSoftware": "dcm2niix",
    "ConversionSoftwareVersion": "v1.0.20181125  GCC6.3.0",
    "EchoTime": 0.02762,
    "EffectiveEchoSpacing": 0.0006621159151938905,
    "ImageComments": "piop",
    "ImageOrientationPatientDICOM": [
      0.993027,
      -0.103143,
      0.0570932,
      0.117181,
      0.916632,
      -0.382171
    ],
    "Manufacturer": "Philips",
    "NumberOfVolumesDiscardedByScanner": 2,
    "ParallelAcquisitionTechnique": "SENSE",
    "ParallelReductionFactorInPlane": 2,
    "PatientPosition": "HFS",
    "PhaseEncodingDirection": "j",
    "PhilipsRescaleIntercept": 0,
    "PhilipsRescaleSlope": 0.76703,
    "PhilipsScaleSlope": 0.0614138,
    "ProtocolName": "WIPpiopwmSENSE",
    "PulseSequenceType": "gradient echo EPI",
    "ReconMatrixPE": 80,
    "RepetitionTime": 2,
    "SeriesDescription": "ImageMRSERIES",
    "SeriesNumber": 8,
    "SliceEncodingDirection": "k",
    "SliceTiming": [
      0.0,
      0.0541,
      0.1081,
      0.1622,
      0.2162,
      0.2703,
      0.3243,
      0.3784,
      0.4324,
      0.4865,
      0.5405,
      0.5946,
      0.6486,
      0.7027,
      0.7568,
      0.8108,
      0.8649,
      0.9189,
      0.973,
      1.027,
      1.0811,
      1.1351,
      1.1892,
      1.2432,
      1.2973,
      1.3514,
      1.4054,
      1.4595,
      1.5135,
      1.5676,
      1.6216,
      1.6757,
      1.7297,
      1.7838,
      1.8378,
      1.8919,
      1.9459
    ],
    "TaskName": "workingmemory",
    "TotalReadoutTime": 0.025822520692561732,
    "UsePhilipsFloatNotDisplayScaling": 1,
    "acq_id": "seq",
    "dataset": "ds002785",
    "modality": "bold",
    "subject_id": "0115",
    "task_id": "workingmemory"
  },
  "dummy_trs": 0,
  "dvars_nstd": 23.37035658913044,
  "dvars_std": 1.3709831823602479,
  "dvars_vstd": 1.033540736583851,
  "efc": 0.40440204172586997,
  "fber": 183699.921875,
  "fd_mean": 0.11291608171455386,
  "fd_num": 7,
  "fd_perc": 4.320987654320987,
  "fwhm_avg": 1.7344196039955648,
  "fwhm_x": 1.73497,
  "fwhm_y": 1.7998766666666668,
  "fwhm_z": 1.6684121453200276,
  "gcor": 0.0230333,
  "gsr_x": -0.015092435292899609,
  "gsr_y": 0.003956472966820002,
  "provenance": {
    "md5sum": "375a6f47db67229b79a72c7862a9de2a",
    "settings": {
      "fd_thres": 0.2,
      "testing": false
    },
    "software": "mriqc",
    "version": "22.0.0rc1",
    "webapi_port": null,
    "webapi_url": "https://mriqc.nimh.nih.gov/api/v1"
  },
  "size_t": 162,
  "size_x": 80,
  "size_y": 80,
  "size_z": 37,
  "snr": 5.709625245083101,
  "spacing_tr": 2.0,
  "spacing_x": 3.0,
  "spacing_y": 3.0,
  "spacing_z": 3.299999952316284,
  "summary_bg_k": 82.34906643715314,
  "summary_bg_mad": 51.24543385893389,
  "summary_bg_mean": 503.6410217285156,
  "summary_bg_median": 52.32432174682617,
  "summary_bg_n": 164696.0,
  "summary_bg_p05": 4.2130478620529175,
  "summary_bg_p95": 2658.011474609375,
  "summary_bg_stdv": 1615.7139892578125,
  "summary_fg_k": 3.3605708071028833,
  "summary_fg_mad": 3436.259304183218,
  "summary_fg_mean": 23463.38671875,
  "summary_fg_median": 22956.1328125,
  "summary_fg_n": 31510.0,
  "summary_fg_p05": 18093.2146484375,
  "summary_fg_p95": 29896.974707031248,
  "summary_fg_stdv": 4020.53857421875,
  "tsnr": 89.26292419433594
}