{
  "bids_meta": {
    "AcquisitionNumber": 4,
    "BidsifyVersion": "0.3.5",
    "ConversionSoftware": "dcm2niix",
    "ConversionSoftwareVersion": "v1.0.20181125  GCC6.3.0",
    "EchoTime": 0.00383,
    "ImageComments": "piop",
    "ImageOrientationPatientDICOM": [
      0.990177,
      0.120877,
      -0.0702687,
      -0.12702,
      0.987738,
      -0.0907693
    ],
    "Manufacturer": "Philips",
    "PatientPosition": "HFS",
    "PhilipsRescaleIntercept": 0,
    "PhilipsRescaleSlope": 8.48498,
    "PhilipsScaleSlope": 0.00685632,
    "ProtocolName": "WIPt13dSENSE",
    "ReconMatrixPE": 240,
    "RepetitionTime": 0.008313,
    "SeriesDescription": "ImageMRSERIES",
    "SeriesNumber": 4,
    "UsePhilipsFloatNotDisplayScaling": 1,
    "dataset": "ds002785",
    "modality": "T1w",
    "subject_id": "0208"
  },
  "cjv": 0.27914399345211616,
  "cnr": 4.601527695012532,
  "efc": 0.7508657825835224,
  "fber": -1.0,
  "fwhm_avg": 3.8185498527137614,
  "fwhm_x": 3.79133,
  "fwhm_y": 3.95774,
  "fwhm_z": 3.7065795581412844,
  "icvs_csf": 0.21559168416302024,
  "icvs_gm": 0.4618220669897769,
  "icvs_wm": 0.3225862488472029,
  "inu_med": 0.6237607896327972,
  "inu_range": 0.2193012803792952,
  "provenance": {
    "md5sum": "a35f0c339d1c74d9e419e3d47713d25e",
    "settings": {
      "testing": false
    },
    "software": "mriqc",
    "version": "23.0.1",
    "warnings": {
      "large_rot_frame": true,
      "small_air_mask": true
    },
    "webapi_port": null,
    "webapi_url": "https://mriqc.nimh.nih.gov/api/v1"
  },
  "qi_1": 0.0,
  "qi_2": 9.270951447216438e-05,
  "rpve_csf": 24.826348806049378,
  "rpve_gm": 12.439602875305312,
  "rpve_wm": 20.38449477943877,
  "size_x": 240,
  "size_y": 240,
  "size_z": 220,
  "snr_csf": 1.3884323935003124,
  "snr_gm": 7.301096155376879,
  "snr_total": 9.870382602271155,
  "snr_wm": 20.921619257936275,
  "snrd_csf": 18.138396825371277,
  "snrd_gm": 71.07262791589115,
  "snrd_total": 70.92050519954614,
  "snrd_wm": 123.55049085737602,
  "spacing_x": 1.0,
  "spacing_y": 1.0,
  "spacing_z": 1.0000001192092896,
  "summary_bg_k": 145.25334615001137,
  "summary_bg_mad": 0.0,
  "summary_bg_mean": 1.1575264451454488,
  "summary_bg_median": 0.0,
  "summary_bg_n": 202324.0,
  "summary_bg_p05": 0.0,
  "summary_bg_p95": 5.504321403801441,
  "summary_bg_stdv": 5.302452323111585,
  "summary_csf_k": 1.1979462810196608,
  "summary_csf_mad": 95.38735292621034,
  "summary_csf_mean": 167.61036962310482,
  "summary_csf_median": 146.80604586191475,
  "summary_csf_n": 20353.0,
  "summary_csf_p05": 31.55810938179493,
  "summary_csf_p95": 371.91347786895926,
  "summary_csf_stdv": 105.7325081209276,
  "summary_gm_k": 0.1737774057128303,
  "summary_gm_mad": 75.25399982264811,
  "summary_gm_mean": 579.6056160240323,
  "summary_gm_median": 575.2377993380651,
  "summary_gm_n": 43330.0,
  "summary_gm_p05": 454.1173796058633,
  "summary_gm_p95": 715.28535933597,
  "summary_gm_stdv": 78.78695872349384,
  "summary_wm_k": 1.0301524566666584,
  "summary_wm_mad": 43.30907956499606,
  "summary_wm_mean": 997.9839030922635,
  "summary_wm_median": 999.9758634511381,
  "summary_wm_n": 186449.0,
  "summary_wm_p05": 916.6385060567409,
  "summary_wm_p95": 1072.0148769114166,
  "summary_wm_stdv": 47.79616575014696,
  "tpm_overlap_csf": 0.15621234056001854,
  "tpm_overlap_gm": 0.47767840128877836,
  "tpm_overlap_wm": 0.5082813992688315,
  "wm2max": 0.737724181721858
}