{
  "bids_meta": {
    "AcquisitionNumber": 4,
    "BidsifyVersion": "0.3.5",
    "ConversionSoftware": "dcm2niix",
    "ConversionSoftwareVersion": "v1.0.20181125  GCC6.3.0",
    "EchoTime": 0.00372,
    "ImageComments": "piop",
    "ImageOrientationPatientDICOM": [
      0.999778,
      -0.020656,
      -0.00425005,
      0.0207678,
      0.999387,
      0.0281884
    ],
    "Manufacturer": "Philips",
    "PatientPosition": "HFS",
    "PhilipsRescaleIntercept": 0,
    "PhilipsRescaleSlope": 9.05958,
    "PhilipsScaleSlope": 0.00737322,
    "ProtocolName": "WIPt13dSENSE",
    "ReconMatrixPE": 240,
    "RepetitionTime": 0.008115,
    "SeriesDescription": "ImageMRSERIES",
    "SeriesNumber": 4,
    "UsePhilipsFloatNotDisplayScaling": 1,
    "dataset": "ds002785",
    "modality": "T1w",
    "subject_id": "0188"
  },
  "cjv": 0.3413124219108852,
  "cnr": 3.7529371236911513,
  "efc": 0.7707568734502643,
  "fber": 713.8818359375,
  "fwhm_avg": 3.8169500735642554,
  "fwhm_x": 3.79447,
  "fwhm_y": 3.95377,
  "fwhm_z": 3.7026102206927667,
  "icvs_csf": 0.2159841231402318,
  "icvs_gm": 0.41088928989117485,
  "icvs_wm": 0.37312658696859335,
  "inu_med": 1.768384337425232,
  "inu_range": 0.5304720342159268,
  "provenance": {
    "md5sum": "3a430d97eca6c52a87b52998ad92be2c",
    "settings": {
      "testing": false
    },
    "software": "mriqc",
    "version": "22.0.0rc1",
    "warnings": {
      "large_rot_frame": true,
      "small_air_mask": true
    },
    "webapi_port": null,
    "webapi_url": "https://mriqc.nimh.nih.gov/api/v1"
  },
  "qi_1": 0.0,
  "qi_2": 8.659256378405467e-05,
  "rpve_csf": 28.29602588903477,
  "rpve_gm": 15.4831687339686,
  "rpve_wm": 21.945724042217147,
  "size_x": 240,
  "size_y": 240,
  "size_z": 220,
  "snr_csf": 2.648512463332328,
  "snr_gm": 7.853291883736713,
  "snr_total": 10.149885792608625,
  "snr_wm": 19.947853030756836,
  "snrd_csf": 23.051325313727723,
  "snrd_gm": 42.53612182240811,
  "snrd_total": 44.06684915775284,
  "snrd_wm": 66.61310033712267,
  "spacing_x": 1.0,
  "spacing_y": 1.0,
  "spacing_z": 0.9999999403953552,
  "summary_bg_k": 12.833875258749119,
  "summary_bg_mad": 9.834802727234067,
  "summary_bg_mean": 14.599661827087402,
  "summary_bg_median": 13.22701358795166,
  "summary_bg_n": 204344.0,
  "summary_bg_p05": 0.0,
  "summary_bg_p95": 39.210479164123534,
  "summary_bg_stdv": 12.309407234191895,
  "summary_csf_k": 5.487898731386492,
  "summary_csf_mad": 124.79548990051167,
  "summary_csf_mean": 325.76519775390625,
  "summary_csf_median": 346.0428161621094,
  "summary_csf_n": 6285.0,
  "summary_csf_p05": 98.31584014892579,
  "summary_csf_p95": 500.0819702148436,
  "summary_csf_stdv": 130.6451416015625,
  "summary_gm_k": 0.17587336381054985,
  "summary_gm_mad": 79.12208435575927,
  "summary_gm_mean": 643.0580444335938,
  "summary_gm_median": 638.5454711914062,
  "summary_gm_n": 16846.0,
  "summary_gm_p05": 516.4511871337891,
  "summary_gm_p95": 785.5774993896484,
  "summary_gm_stdv": 81.3068618774414,
  "summary_wm_k": 1.2456403575500152,
  "summary_wm_mad": 44.241794924765344,
  "summary_wm_mean": 996.419677734375,
  "summary_wm_median": 999.9852294921875,
  "summary_wm_n": 191727.0,
  "summary_wm_p05": 907.0931274414063,
  "summary_wm_p95": 1070.9721557617188,
  "summary_wm_stdv": 50.12983703613281,
  "tpm_overlap_csf": 0.1720554679632187,
  "tpm_overlap_gm": 0.4535810053348541,
  "tpm_overlap_wm": 0.5159018635749817,
  "wm2max": 0.691604912572511
}