{
  "aor": 0.0010898765432098766,
  "aqi": 0.0038567444444444453,
  "bids_meta": {
    "AcquisitionNumber": 8,
    "BidsifyVersion": "0.3.5",
    "ConversionSoftware": "dcm2niix",
    "ConversionSoftwareVersion": "v1.0.20181125  GCC6.3.0",
    "EchoTime": 0.02762,
    "EffectiveEchoSpacing": 0.0006621159151938905,
    "ImageComments": "Piop",
    "ImageOrientationPatientDICOM": [
      0.999699,
      0.0138953,
      0.0201942,
      -0.00540895,
      0.928554,
      -0.371158
    ],
    "Manufacturer": "Philips",
    "NumberOfVolumesDiscardedByScanner": 2,
    "ParallelAcquisitionTechnique": "SENSE",
    "ParallelReductionFactorInPlane": 2,
    "PatientPosition": "HFS",
    "PhaseEncodingDirection": "j",
    "PhilipsRescaleIntercept": 0,
    "PhilipsRescaleSlope": 0.83346,
    "PhilipsScaleSlope": 0.0581412,
    "ProtocolName": "WIPpiopwmSENSE",
    "PulseSequenceType": "gradient echo EPI",
    "ReconMatrixPE": 80,
    "RepetitionTime": 2,
    "SeriesDescription": "ImageMRSERIES",
    "SeriesNumber": 8,
    "SliceEncodingDirection": "k",
    "SliceTiming": [
      0.0,
      0.0541,
      0.1081,
      0.1622,
      0.2162,
      0.2703,
      0.3243,
      0.3784,
      0.4324,
      0.4865,
      0.5405,
      0.5946,
      0.6486,
      0.7027,
      0.7568,
      0.8108,
      0.8649,
      0.9189,
      0.973,
      1.027,
      1.0811,
      1.1351,
      1.1892,
      1.2432,
      1.2973,
      1.3514,
      1.4054,
      1.4595,
      1.5135,
      1.5676,
      1.6216,
      1.6757,
      1.7297,
      1.7838,
      1.8378,
      1.8919,
      1.9459
    ],
    "TaskName": "workingmemory",
    "TotalReadoutTime": 0.025822520692561732,
    "UsePhilipsFloatNotDisplayScaling": 1,
    "acq_id": "seq",
    "dataset": "ds002785",
    "modality": "bold",
    "subject_id": "0074",
    "task_id": "workingmemory"
  },
  "dummy_trs": 0,
  "dvars_nstd": 24.311854024844724,
  "dvars_std": 1.2460116027950305,
  "dvars_vstd": 1.0169019959006211,
  "efc": 0.4920513803994928,
  "fber": 113542.1640625,
  "fd_mean": 0.10957958947460797,
  "fd_num": 6,
  "fd_perc": 3.7037037037037037,
  "fwhm_avg": 1.8682819277854676,
  "fwhm_x": 1.8298033333333334,
  "fwhm_y": 1.9908666666666666,
  "fwhm_z": 1.7841757833564034,
  "gcor": 0.0355186,
  "gsr_x": -0.011855809018015862,
  "gsr_y": 0.032064761966466904,
  "provenance": {
    "md5sum": "25055b3532d07f62eda555016894c638",
    "settings": {
      "fd_thres": 0.2,
      "testing": false
    },
    "software": "mriqc",
    "version": "22.0.0rc1",
    "webapi_port": null,
    "webapi_url": "https://mriqc.nimh.nih.gov/api/v1"
  },
  "size_t": 162,
  "size_x": 80,
  "size_y": 80,
  "size_z": 37,
  "snr": 4.947598923763108,
  "spacing_tr": 2.0,
  "spacing_x": 3.0,
  "spacing_y": 3.0,
  "spacing_z": 3.299999952316284,
  "summary_bg_k": 21.346513213516975,
  "summary_bg_mad": 62.843529781548085,
  "summary_bg_mean": 844.125244140625,
  "summary_bg_median": 63.13981628417969,
  "summary_bg_n": 147778.0,
  "summary_bg_p05": 7.315560030937195,
  "summary_bg_p95": 5011.299316406249,
  "summary_bg_stdv": 2089.1943359375,
  "summary_fg_k": 1.1536204648958863,
  "summary_fg_mad": 4375.112815490703,
  "summary_fg_mean": 22421.8359375,
  "summary_fg_median": 22014.7734375,
  "summary_fg_n": 45188.0,
  "summary_fg_p05": 16052.5509765625,
  "summary_fg_p95": 29890.19443359375,
  "summary_fg_stdv": 4449.5380859375,
  "tsnr": 73.32050323486328
}