{
  "aor": 0.001824074074074074,
  "aqi": 0.005045634814814816,
  "bids_meta": {
    "AcquisitionNumber": 5,
    "BidsifyVersion": "0.3.5",
    "ConversionSoftware": "dcm2niix",
    "ConversionSoftwareVersion": "v1.0.20181125  GCC6.3.0",
    "EchoTime": 0.02762,
    "EffectiveEchoSpacing": 0.0006621159151938905,
    "ImageComments": "Piop",
    "ImageOrientationPatientDICOM": [
      0.999699,
      0.0138953,
      0.0201942,
      -0.00540895,
      0.928554,
      -0.371158
    ],
    "Manufacturer": "Philips",
    "NumberOfVolumesDiscardedByScanner": 2,
    "ParallelAcquisitionTechnique": "SENSE",
    "ParallelReductionFactorInPlane": 2,
    "PatientPosition": "HFS",
    "PhaseEncodingDirection": "j",
    "PhilipsRescaleIntercept": 0,
    "PhilipsRescaleSlope": 0.80928,
    "PhilipsScaleSlope": 0.0578716,
    "ProtocolName": "WIPpiopharririSENSE",
    "PulseSequenceType": "gradient echo EPI",
    "ReconMatrixPE": 80,
    "RepetitionTime": 2,
    "SeriesDescription": "ImageMRSERIES",
    "SeriesNumber": 5,
    "SliceEncodingDirection": "k",
    "SliceTiming": [
      0.0,
      0.0541,
      0.1081,
      0.1622,
      0.2162,
      0.2703,
      0.3243,
      0.3784,
      0.4324,
      0.4865,
      0.5405,
      0.5946,
      0.6486,
      0.7027,
      0.7568,
      0.8108,
      0.8649,
      0.9189,
      0.973,
      1.027,
      1.0811,
      1.1351,
      1.1892,
      1.2432,
      1.2973,
      1.3514,
      1.4054,
      1.4595,
      1.5135,
      1.5676,
      1.6216,
      1.6757,
      1.7297,
      1.7838,
      1.8378,
      1.8919,
      1.9459
    ],
    "TaskName": "emomatching",
    "TotalReadoutTime": 0.025822520692561732,
    "UsePhilipsFloatNotDisplayScaling": 1,
    "acq_id": "seq",
    "dataset": "ds002785",
    "modality": "bold",
    "subject_id": "0074",
    "task_id": "emomatching"
  },
  "dummy_trs": 0,
  "dvars_nstd": 24.993679445298515,
  "dvars_std": 1.235729781044776,
  "dvars_vstd": 1.0096007459701493,
  "efc": 0.49010301369274933,
  "fber": 117150.875,
  "fd_mean": 0.12960062296520128,
  "fd_num": 17,
  "fd_perc": 12.592592592592593,
  "fwhm_avg": 1.9065918269198774,
  "fwhm_x": 1.8705033333333334,
  "fwhm_y": 2.035093333333333,
  "fwhm_z": 1.8141788140929658,
  "gcor": 0.0465345,
  "gsr_x": -0.011186869814991951,
  "gsr_y": 0.03236475586891174,
  "provenance": {
    "md5sum": "2668cc505d6a8be706f9c18ecf56fff3",
    "settings": {
      "fd_thres": 0.2,
      "testing": false
    },
    "software": "mriqc",
    "version": "22.0.0rc1",
    "webapi_port": null,
    "webapi_url": "https://mriqc.nimh.nih.gov/api/v1"
  },
  "size_t": 135,
  "size_x": 80,
  "size_y": 80,
  "size_z": 37,
  "snr": 4.828240841283983,
  "spacing_tr": 2.0,
  "spacing_x": 3.0,
  "spacing_y": 3.0,
  "spacing_z": 3.299999952316284,
  "summary_bg_k": 22.409346362220738,
  "summary_bg_mad": 62.92592312173418,
  "summary_bg_mean": 836.79833984375,
  "summary_bg_median": 63.58574676513672,
  "summary_bg_n": 147809.0,
  "summary_bg_p05": 7.4865308761596685,
  "summary_bg_p95": 5000.693066406251,
  "summary_bg_stdv": 2085.585205078125,
  "summary_fg_k": 1.0821793331241807,
  "summary_fg_mad": 4560.139834935728,
  "summary_fg_mean": 22978.02734375,
  "summary_fg_median": 22516.794921875,
  "summary_fg_n": 45221.0,
  "summary_fg_p05": 16297.1162109375,
  "summary_fg_p95": 30878.220703125,
  "summary_fg_stdv": 4663.50927734375,
  "tsnr": 64.72750854492188
}