{
  "aor": 0.0004127974947807933,
  "aqi": 0.011253727411273486,
  "bids_meta": {
    "AcquisitionNumber": 6,
    "BidsifyVersion": "0.3.5",
    "ConversionSoftware": "dcm2niix",
    "ConversionSoftwareVersion": "v1.0.20181125  GCC6.3.0",
    "EchoTime": 0.02762,
    "EffectiveEchoSpacing": 0.0006333282667071997,
    "ImageComments": "Piop",
    "ImageOrientationPatientDICOM": [
      0.999699,
      0.0138953,
      0.0201942,
      -0.00540895,
      0.928554,
      -0.371158
    ],
    "Manufacturer": "Philips",
    "NumberOfVolumesDiscardedByScanner": 2,
    "ParallelAcquisitionTechnique": "SENSE",
    "ParallelReductionFactorInPlane": 2,
    "PatientPosition": "HFS",
    "PhaseEncodingDirection": "j",
    "PhilipsRescaleIntercept": 0,
    "PhilipsRescaleSlope": 0.74799,
    "PhilipsScaleSlope": 0.0916999,
    "ProtocolName": "WIPpioprsSENSE",
    "PulseSequenceType": "gradient echo EPI",
    "ReconMatrixPE": 80,
    "RepetitionTime": 0.75,
    "SeriesDescription": "ImageMRSERIES",
    "SeriesNumber": 6,
    "SliceEncodingDirection": "k",
    "SliceTiming": [
      0.0,
      0.06755050505050506,
      0.1351010101010101,
      0.20265151515151517,
      0.2702020202020202,
      0.3377525252525253,
      0.40530303030303033,
      0.47285353535353536,
      0.5404040404040404,
      0.6079545454545455,
      0.6755050505050506,
      0.7430555555555556,
      0.0,
      0.06755050505050506,
      0.1351010101010101,
      0.20265151515151517,
      0.2702020202020202,
      0.3377525252525253,
      0.40530303030303033,
      0.47285353535353536,
      0.5404040404040404,
      0.6079545454545455,
      0.6755050505050506,
      0.7430555555555556,
      0.0,
      0.06755050505050506,
      0.1351010101010101,
      0.20265151515151517,
      0.2702020202020202,
      0.3377525252525253,
      0.40530303030303033,
      0.47285353535353536,
      0.5404040404040404,
      0.6079545454545455,
      0.6755050505050506,
      0.7430555555555556
    ],
    "TaskName": "restingstate",
    "TotalReadoutTime": 0.024699802401580786,
    "UsePhilipsFloatNotDisplayScaling": 1,
    "acq_id": "mb3",
    "dataset": "ds002785",
    "modality": "bold",
    "subject_id": "0074",
    "task_id": "restingstate"
  },
  "dummy_trs": 1,
  "dvars_nstd": 31.76472245690374,
  "dvars_std": 1.0811408834937237,
  "dvars_vstd": 0.9908855608995815,
  "efc": 0.4987318345697909,
  "fber": 95647.5234375,
  "fd_mean": 0.11245274499522326,
  "fd_num": 32,
  "fd_perc": 6.680584551148225,
  "fwhm_avg": 1.867591725747313,
  "fwhm_x": 1.8596133333333331,
  "fwhm_y": 1.9627133333333333,
  "fwhm_z": 1.7804485105752728,
  "gcor": 0.0279428,
  "gsr_x": -0.012855558656156063,
  "gsr_y": 0.03218984603881836,
  "provenance": {
    "md5sum": "d13dd7fbb568ae4bb50f467f720e22e7",
    "settings": {
      "fd_thres": 0.2,
      "testing": false
    },
    "software": "mriqc",
    "version": "22.0.0rc1",
    "webapi_port": null,
    "webapi_url": "https://mriqc.nimh.nih.gov/api/v1"
  },
  "size_t": 479,
  "size_x": 80,
  "size_y": 80,
  "size_z": 36,
  "snr": 5.826495697665267,
  "spacing_tr": 0.75,
  "spacing_x": 3.0,
  "spacing_y": 3.0,
  "spacing_z": 3.299999952316284,
  "summary_bg_k": 17.704517187412385,
  "summary_bg_mad": 61.74032462466854,
  "summary_bg_mean": 674.1524047851562,
  "summary_bg_median": 54.61213684082031,
  "summary_bg_n": 142840.0,
  "summary_bg_p05": 4.698248195648194,
  "summary_bg_p95": 3934.5706909179685,
  "summary_bg_stdv": 1616.5389404296875,
  "summary_fg_k": 0.6657768788645337,
  "summary_fg_mad": 2942.4876120030467,
  "summary_fg_mean": 17668.59375,
  "summary_fg_median": 17513.837890625,
  "summary_fg_n": 44463.0,
  "summary_fg_p05": 13054.736328125,
  "summary_fg_p95": 22722.138281250005,
  "summary_fg_stdv": 3005.86181640625,
  "tsnr": 41.060970306396484
}