{
  "aor": 0.0031520987654320987,
  "aqi": 0.005069767901234568,
  "bids_meta": {
    "AcquisitionNumber": 8,
    "BidsifyVersion": "0.3.5",
    "ConversionSoftware": "dcm2niix",
    "ConversionSoftwareVersion": "v1.0.20181125  GCC6.3.0",
    "EchoTime": 0.02762,
    "EffectiveEchoSpacing": 0.0006621159151938905,
    "ImageComments": "piop",
    "ImageOrientationPatientDICOM": [
      0.998539,
      0.0396648,
      -0.0366882,
      -0.0502344,
      0.931571,
      -0.360073
    ],
    "Manufacturer": "Philips",
    "NumberOfVolumesDiscardedByScanner": 2,
    "ParallelAcquisitionTechnique": "SENSE",
    "ParallelReductionFactorInPlane": 2,
    "PatientPosition": "HFS",
    "PhaseEncodingDirection": "j",
    "PhilipsRescaleIntercept": 0,
    "PhilipsRescaleSlope": 0.80586,
    "PhilipsScaleSlope": 0.0601577,
    "ProtocolName": "WIPpiopwmSENSE",
    "PulseSequenceType": "gradient echo EPI",
    "ReconMatrixPE": 80,
    "RepetitionTime": 2,
    "SeriesDescription": "ImageMRSERIES",
    "SeriesNumber": 8,
    "SliceEncodingDirection": "k",
    "SliceTiming": [
      0.0,
      0.0541,
      0.1081,
      0.1622,
      0.2162,
      0.2703,
      0.3243,
      0.3784,
      0.4324,
      0.4865,
      0.5405,
      0.5946,
      0.6486,
      0.7027,
      0.7568,
      0.8108,
      0.8649,
      0.9189,
      0.973,
      1.027,
      1.0811,
      1.1351,
      1.1892,
      1.2432,
      1.2973,
      1.3514,
      1.4054,
      1.4595,
      1.5135,
      1.5676,
      1.6216,
      1.6757,
      1.7297,
      1.7838,
      1.8378,
      1.8919,
      1.9459
    ],
    "TaskName": "workingmemory",
    "TotalReadoutTime": 0.025822520692561732,
    "UsePhilipsFloatNotDisplayScaling": 1,
    "acq_id": "seq",
    "dataset": "ds002785",
    "modality": "bold",
    "subject_id": "0019",
    "task_id": "workingmemory"
  },
  "dummy_trs": 0,
  "dvars_nstd": 21.68280304155278,
  "dvars_std": 1.2803243750931674,
  "dvars_vstd": 1.0299267318633545,
  "efc": 0.413566395227733,
  "fber": 179249.78125,
  "fd_mean": 0.12353867858821384,
  "fd_num": 13,
  "fd_perc": 8.024691358024691,
  "fwhm_avg": 1.8173528366826206,
  "fwhm_x": 1.8243933333333333,
  "fwhm_y": 1.8837166666666667,
  "fwhm_z": 1.743948510047862,
  "gcor": 0.030954,
  "gsr_x": -0.014660798944532871,
  "gsr_y": 0.011513978242874146,
  "provenance": {
    "md5sum": "6d656ef019ec2b16ab9ff117161dbb7c",
    "settings": {
      "fd_thres": 0.2,
      "testing": false
    },
    "software": "mriqc",
    "version": "22.0.0rc1",
    "webapi_port": null,
    "webapi_url": "https://mriqc.nimh.nih.gov/api/v1"
  },
  "size_t": 162,
  "size_x": 80,
  "size_y": 80,
  "size_z": 37,
  "snr": 5.427555802031186,
  "spacing_tr": 2.0,
  "spacing_x": 3.0,
  "spacing_y": 3.0,
  "spacing_z": 3.299999952316284,
  "summary_bg_k": 71.52784247371103,
  "summary_bg_mad": 54.512473380853834,
  "summary_bg_mean": 515.1544799804688,
  "summary_bg_median": 52.9832763671875,
  "summary_bg_n": 162719.0,
  "summary_bg_p05": 2.7215247631073,
  "summary_bg_p95": 2774.157080078126,
  "summary_bg_stdv": 1676.034423828125,
  "summary_fg_k": 0.9383256021996149,
  "summary_fg_mad": 4263.61504767342,
  "summary_fg_mean": 23439.7109375,
  "summary_fg_median": 23059.2734375,
  "summary_fg_n": 33418.0,
  "summary_fg_p05": 17258.0283203125,
  "summary_fg_p95": 30444.413378906247,
  "summary_fg_stdv": 4248.4921875,
  "tsnr": 74.10210418701172
}