{
  "aor": 0.0011492592592592594,
  "aqi": 0.002926491851851852,
  "bids_meta": {
    "AcquisitionNumber": 5,
    "BidsifyVersion": "0.3.5",
    "ConversionSoftware": "dcm2niix",
    "ConversionSoftwareVersion": "v1.0.20181125  GCC6.3.0",
    "EchoTime": 0.02762,
    "EffectiveEchoSpacing": 0.0006621159151938905,
    "ImageComments": "piop",
    "ImageOrientationPatientDICOM": [
      0.996592,
      -0.082164,
      -0.00728955,
      0.0824602,
      0.994617,
      0.0627515
    ],
    "Manufacturer": "Philips",
    "NumberOfVolumesDiscardedByScanner": 2,
    "ParallelAcquisitionTechnique": "SENSE",
    "ParallelReductionFactorInPlane": 2,
    "PatientPosition": "HFS",
    "PhaseEncodingDirection": "j",
    "PhilipsRescaleIntercept": 0,
    "PhilipsRescaleSlope": 0.77729,
    "PhilipsScaleSlope": 0.0545623,
    "ProtocolName": "WIPpiopharririSENSE",
    "PulseSequenceType": "gradient echo EPI",
    "ReconMatrixPE": 80,
    "RepetitionTime": 2,
    "SeriesDescription": "ImageMRSERIES",
    "SeriesNumber": 5,
    "SliceEncodingDirection": "k",
    "SliceTiming": [
      0.0,
      0.0541,
      0.1081,
      0.1622,
      0.2162,
      0.2703,
      0.3243,
      0.3784,
      0.4324,
      0.4865,
      0.5405,
      0.5946,
      0.6486,
      0.7027,
      0.7568,
      0.8108,
      0.8649,
      0.9189,
      0.973,
      1.027,
      1.0811,
      1.1351,
      1.1892,
      1.2432,
      1.2973,
      1.3514,
      1.4054,
      1.4595,
      1.5135,
      1.5676,
      1.6216,
      1.6757,
      1.7297,
      1.7838,
      1.8378,
      1.8919,
      1.9459
    ],
    "TaskName": "emomatching",
    "TotalReadoutTime": 0.025822520692561732,
    "UsePhilipsFloatNotDisplayScaling": 1,
    "acq_id": "seq",
    "dataset": "ds002785",
    "modality": "bold",
    "subject_id": "0128",
    "task_id": "emomatching"
  },
  "dummy_trs": 0,
  "dvars_nstd": 21.84676788126865,
  "dvars_std": 1.3088630786567164,
  "dvars_vstd": 1.0118757217164185,
  "efc": 0.42726001819033027,
  "fber": 195182.90625,
  "fd_mean": 0.11778103464733466,
  "fd_num": 9,
  "fd_perc": 6.666666666666667,
  "fwhm_avg": 2.0130343527586922,
  "fwhm_x": 1.9400433333333333,
  "fwhm_y": 2.1631566666666666,
  "fwhm_z": 1.9359030582760763,
  "gcor": 0.0152465,
  "gsr_x": -0.016071194782853127,
  "gsr_y": 0.018830373883247375,
  "provenance": {
    "md5sum": "2f33b31fa25ae79484992b9c5f4b26fc",
    "settings": {
      "fd_thres": 0.2,
      "testing": false
    },
    "software": "mriqc",
    "version": "22.0.0rc1",
    "webapi_port": null,
    "webapi_url": "https://mriqc.nimh.nih.gov/api/v1"
  },
  "size_t": 135,
  "size_x": 80,
  "size_y": 80,
  "size_z": 37,
  "snr": 5.219929488748161,
  "spacing_tr": 2.0,
  "spacing_x": 3.0,
  "spacing_y": 3.0,
  "spacing_z": 3.299999952316284,
  "summary_bg_k": 65.80796190803387,
  "summary_bg_mad": 61.91101159177038,
  "summary_bg_mean": 611.3377075195312,
  "summary_bg_median": 58.02495193481445,
  "summary_bg_n": 159831.0,
  "summary_bg_p05": 4.678125858306885,
  "summary_bg_p95": 3228.0882568359375,
  "summary_bg_stdv": 1820.0938720703125,
  "summary_fg_k": 1.480761061184472,
  "summary_fg_mad": 4619.336782500005,
  "summary_fg_mean": 27145.41015625,
  "summary_fg_median": 26464.0703125,
  "summary_fg_n": 35911.0,
  "summary_fg_p05": 19963.5078125,
  "summary_fg_p95": 36091.744140625,
  "summary_fg_stdv": 5069.7431640625,
  "tsnr": 96.34903717041016
}