{
  "aor": 0.0007900816326530611,
  "aqi": 0.0039995280408163265,
  "bids_meta": {
    "AcquisitionNumber": 3,
    "BidsifyVersion": "0.3.5",
    "ConversionSoftware": "dcm2niix",
    "ConversionSoftwareVersion": "v1.0.20181125  GCC6.3.0",
    "EchoTime": 0.02762,
    "EffectiveEchoSpacing": 0.0006621159151938905,
    "ImageComments": "piop",
    "ImageOrientationPatientDICOM": [
      0.996592,
      -0.082164,
      -0.00728955,
      0.0824602,
      0.994617,
      0.0627515
    ],
    "Manufacturer": "Philips",
    "NumberOfVolumesDiscardedByScanner": 2,
    "ParallelAcquisitionTechnique": "SENSE",
    "ParallelReductionFactorInPlane": 2,
    "PatientPosition": "HFS",
    "PhaseEncodingDirection": "j",
    "PhilipsRescaleIntercept": 0,
    "PhilipsRescaleSlope": 0.8083,
    "PhilipsScaleSlope": 0.0521556,
    "ProtocolName": "WIPpiopgstroopSENSE",
    "PulseSequenceType": "gradient echo EPI",
    "ReconMatrixPE": 80,
    "RepetitionTime": 2,
    "SeriesDescription": "ImageMRSERIES",
    "SeriesNumber": 3,
    "SliceEncodingDirection": "k",
    "SliceTiming": [
      0.0,
      0.0541,
      0.1081,
      0.1622,
      0.2162,
      0.2703,
      0.3243,
      0.3784,
      0.4324,
      0.4865,
      0.5405,
      0.5946,
      0.6486,
      0.7027,
      0.7568,
      0.8108,
      0.8649,
      0.9189,
      0.973,
      1.027,
      1.0811,
      1.1351,
      1.1892,
      1.2432,
      1.2973,
      1.3514,
      1.4054,
      1.4595,
      1.5135,
      1.5676,
      1.6216,
      1.6757,
      1.7297,
      1.7838,
      1.8378,
      1.8919,
      1.9459
    ],
    "TaskName": "gstroop",
    "TotalReadoutTime": 0.025822520692561732,
    "UsePhilipsFloatNotDisplayScaling": 1,
    "acq_id": "seq",
    "dataset": "ds002785",
    "modality": "bold",
    "subject_id": "0128",
    "task_id": "gstroop"
  },
  "dummy_trs": 0,
  "dvars_nstd": 21.53093685110657,
  "dvars_std": 1.3034696144672129,
  "dvars_vstd": 0.997776546680328,
  "efc": 0.42723249018263376,
  "fber": 201645.28125,
  "fd_mean": 0.11508026244266006,
  "fd_num": 6,
  "fd_perc": 2.4489795918367347,
  "fwhm_avg": 1.9420396048821287,
  "fwhm_x": 1.8818433333333333,
  "fwhm_y": 2.0917966666666667,
  "fwhm_z": 1.8524788146463858,
  "gcor": 0.0150951,
  "gsr_x": -0.01630992442369461,
  "gsr_y": 0.01947893761098385,
  "provenance": {
    "md5sum": "164a5f34204ade91daea8dd76949c02c",
    "settings": {
      "fd_thres": 0.2,
      "testing": false
    },
    "software": "mriqc",
    "version": "22.0.0rc1",
    "webapi_port": null,
    "webapi_url": "https://mriqc.nimh.nih.gov/api/v1"
  },
  "size_t": 245,
  "size_x": 80,
  "size_y": 80,
  "size_z": 37,
  "snr": 5.43274557389462,
  "spacing_tr": 2.0,
  "spacing_x": 3.0,
  "spacing_y": 3.0,
  "spacing_z": 3.299999952316284,
  "summary_bg_k": 78.85248648846044,
  "summary_bg_mad": 60.78840887111322,
  "summary_bg_mean": 596.0612182617188,
  "summary_bg_median": 56.625038146972656,
  "summary_bg_n": 159917.0,
  "summary_bg_p05": 4.476483631134033,
  "summary_bg_p95": 3130.680761718749,
  "summary_bg_stdv": 1812.777099609375,
  "summary_fg_k": 2.1561047144340924,
  "summary_fg_mad": 4414.946167283209,
  "summary_fg_mean": 26868.39453125,
  "summary_fg_median": 26281.513671875,
  "summary_fg_n": 35947.0,
  "summary_fg_p05": 20167.3953125,
  "summary_fg_p95": 35148.25585937495,
  "summary_fg_stdv": 4837.54443359375,
  "tsnr": 88.14013671875
}