{
  "bids_meta": {
    "AcquisitionNumber": 4,
    "BidsifyVersion": "0.3.5",
    "ConversionSoftware": "dcm2niix",
    "ConversionSoftwareVersion": "v1.0.20181125  GCC6.3.0",
    "EchoTime": 0.00376,
    "ImageComments": "piop",
    "ImageOrientationPatientDICOM": [
      0.996926,
      -0.0727431,
      0.0291062,
      0.0739094,
      0.996412,
      -0.0412315
    ],
    "Manufacturer": "Philips",
    "PatientPosition": "HFS",
    "PhilipsRescaleIntercept": 0,
    "PhilipsRescaleSlope": 8.78437,
    "PhilipsScaleSlope": 0.00718598,
    "ProtocolName": "WIPt13dSENSE",
    "ReconMatrixPE": 240,
    "RepetitionTime": 0.008189,
    "SeriesDescription": "ImageMRSERIES",
    "SeriesNumber": 4,
    "UsePhilipsFloatNotDisplayScaling": 1,
    "dataset": "ds002785",
    "modality": "T1w",
    "subject_id": "0214"
  },
  "cjv": 0.3285241692364988,
  "cnr": 4.038147413311149,
  "efc": 0.758802379356508,
  "fber": 1922.6675239128463,
  "fwhm_avg": 4.0408,
  "fwhm_x": 4.13949,
  "fwhm_y": 4.11375,
  "fwhm_z": 3.86916,
  "icvs_csf": 0.21348047557666394,
  "icvs_gm": 0.44012716189594253,
  "icvs_wm": 0.3463923625273935,
  "inu_med": 0.6723419427871704,
  "inu_range": 0.27383098006248474,
  "provenance": {
    "md5sum": "b14345bfe0794348e5fee4a3fd880033",
    "settings": {
      "testing": false
    },
    "software": "mriqc",
    "version": "23.0.1",
    "warnings": {
      "large_rot_frame": true,
      "small_air_mask": true
    },
    "webapi_port": null,
    "webapi_url": "https://mriqc.nimh.nih.gov/api/v1"
  },
  "qi_1": 0.0,
  "qi_2": 0.00016838775964188595,
  "rpve_csf": 24.530519152389928,
  "rpve_gm": 12.71610197093873,
  "rpve_wm": 19.062287026538517,
  "size_x": 240,
  "size_y": 240,
  "size_z": 220,
  "snr_csf": 1.81911600273893,
  "snr_gm": 7.75371803089411,
  "snr_total": 9.444130701395776,
  "snr_wm": 18.75955807055429,
  "snrd_csf": 13.394426260704119,
  "snrd_gm": 39.07095800641058,
  "snrd_total": 38.74070899446222,
  "snrd_wm": 63.756742716271944,
  "spacing_x": 1.0,
  "spacing_y": 1.0,
  "spacing_z": 1.0,
  "summary_bg_k": 89.38277338989842,
  "summary_bg_mad": 0.0,
  "summary_bg_mean": 2.8307256358148565,
  "summary_bg_median": 0.0,
  "summary_bg_n": 72390.0,
  "summary_bg_p05": 0.0,
  "summary_bg_p95": 24.268839992582798,
  "summary_bg_stdv": 10.275562875916693,
  "summary_csf_k": 0.2169996167826418,
  "summary_csf_mad": 128.77906511996355,
  "summary_csf_mean": 219.68717288563363,
  "summary_csf_median": 210.08643273171037,
  "summary_csf_n": 21912.0,
  "summary_csf_p05": 48.785321209579706,
  "summary_csf_p95": 408.74298475058754,
  "summary_csf_stdv": 115.48556468833559,
  "summary_gm_k": 0.022514885479921976,
  "summary_gm_mad": 77.8915999007848,
  "summary_gm_mean": 613.4752305782009,
  "summary_gm_median": 612.8129739351571,
  "summary_gm_n": 33984.0,
  "summary_gm_p05": 483.7993252521381,
  "summary_gm_p95": 745.5449556027538,
  "summary_gm_stdv": 79.03356237984691,
  "summary_wm_k": 0.6839748493358475,
  "summary_wm_mad": 49.3087054757266,
  "summary_wm_mean": 999.2388309949562,
  "summary_wm_median": 1000.0000283066183,
  "summary_wm_n": 211975.0,
  "summary_wm_p05": 910.8987157624215,
  "summary_wm_p95": 1085.114317137748,
  "summary_wm_stdv": 53.3060355565988,
  "tpm_overlap_csf": 0.15542041474473386,
  "tpm_overlap_gm": 0.47204425441425935,
  "tpm_overlap_wm": 0.5078069923517159,
  "wm2max": 0.7208447069668669
}