{
  "bids_meta": {
    "AcquisitionNumber": 4,
    "BidsifyVersion": "0.3.5",
    "ConversionSoftware": "dcm2niix",
    "ConversionSoftwareVersion": "v1.0.20181125  GCC6.3.0",
    "EchoTime": 0.0038,
    "ImageComments": "PIOP",
    "ImageOrientationPatientDICOM": [
      0.993242,
      -0.101793,
      0.0557613,
      0.105446,
      0.992163,
      -0.0670298
    ],
    "Manufacturer": "Philips",
    "PatientPosition": "HFS",
    "PhilipsRescaleIntercept": 0,
    "PhilipsRescaleSlope": 9.54774,
    "PhilipsScaleSlope": 0.00691605,
    "ProtocolName": "WIPt13dSENSE",
    "ReconMatrixPE": 240,
    "RepetitionTime": 0.008259,
    "SeriesDescription": "ImageMRSERIES",
    "SeriesNumber": 4,
    "UsePhilipsFloatNotDisplayScaling": 1,
    "dataset": "ds002785",
    "modality": "T1w",
    "subject_id": "0110"
  },
  "cjv": 0.3338248421289682,
  "cnr": 3.8251135638565574,
  "efc": 0.7753627228598562,
  "fber": 593.845458984375,
  "fwhm_avg": 3.8039497050198268,
  "fwhm_x": 3.716419556968265,
  "fwhm_y": 3.98843,
  "fwhm_z": 3.706999558091216,
  "icvs_csf": 0.21663049862522307,
  "icvs_gm": 0.398100088199306,
  "icvs_wm": 0.3852694131754709,
  "inu_med": 1.7670232057571411,
  "inu_range": 0.5526957571506499,
  "provenance": {
    "md5sum": "7b63e3db96eb94983c9449e78b69e5be",
    "settings": {
      "testing": false
    },
    "software": "mriqc",
    "version": "22.0.0rc1",
    "warnings": {
      "large_rot_frame": true,
      "small_air_mask": true
    },
    "webapi_port": null,
    "webapi_url": "https://mriqc.nimh.nih.gov/api/v1"
  },
  "qi_1": 0.0,
  "qi_2": 0.0002844552330539435,
  "rpve_csf": 23.339454749168983,
  "rpve_gm": 13.03100041616911,
  "rpve_wm": 17.950560186762175,
  "size_x": 240,
  "size_y": 240,
  "size_z": 220,
  "snr_csf": 2.133115603499054,
  "snr_gm": 7.322300635821429,
  "snr_total": 10.116517854679612,
  "snr_wm": 20.894137324718358,
  "snrd_csf": 20.928583124572807,
  "snrd_gm": 41.36040983331625,
  "snrd_total": 42.852500583015775,
  "snrd_wm": 66.26850879115827,
  "spacing_x": 1.0000001192092896,
  "spacing_y": 1.0,
  "spacing_z": 1.0000001192092896,
  "summary_bg_k": 32.74395099280183,
  "summary_bg_mad": 9.885898955807251,
  "summary_bg_mean": 12.303767204284668,
  "summary_bg_median": 13.371539115905762,
  "summary_bg_n": 161518.0,
  "summary_bg_p05": 0.0,
  "summary_bg_p95": 27.821842002868646,
  "summary_bg_stdv": 9.995027542114258,
  "summary_csf_k": 13.812055515032053,
  "summary_csf_mad": 140.60763621131017,
  "summary_csf_mean": 298.001708984375,
  "summary_csf_median": 315.808837890625,
  "summary_csf_n": 6394.0,
  "summary_csf_p05": 77.69721908569339,
  "summary_csf_p95": 472.4915512084957,
  "summary_csf_stdv": 148.03892517089844,
  "summary_gm_k": 0.2142607521622506,
  "summary_gm_mad": 82.16244145039187,
  "summary_gm_mean": 627.1961669921875,
  "summary_gm_median": 624.1217041015625,
  "summary_gm_n": 21260.0,
  "summary_gm_p05": 491.5364105224609,
  "summary_gm_p95": 774.3032470703125,
  "summary_gm_stdv": 85.23373413085938,
  "summary_wm_k": 1.0541559448195423,
  "summary_wm_mad": 43.308653196418796,
  "summary_wm_mean": 997.7424926757812,
  "summary_wm_median": 999.9807739257812,
  "summary_wm_n": 258421.0,
  "summary_wm_p05": 915.4382934570312,
  "summary_wm_p95": 1071.3408203125,
  "summary_wm_stdv": 47.85930252075195,
  "tpm_overlap_csf": 0.16540832817554474,
  "tpm_overlap_gm": 0.43674981594085693,
  "tpm_overlap_wm": 0.5176103711128235,
  "wm2max": 0.702194486351151
}