{
  "aor": 0.0013980712788259958,
  "aqi": 0.007048820817610064,
  "bids_meta": {
    "AcquisitionNumber": 6,
    "BidsifyVersion": "0.3.5",
    "ConversionSoftware": "dcm2niix",
    "ConversionSoftwareVersion": "v1.0.20181125  GCC6.3.0",
    "EchoTime": 0.02762,
    "EffectiveEchoSpacing": 0.0006333282667071997,
    "ImageComments": "piop",
    "ImageOrientationPatientDICOM": [
      0.995571,
      0.0869403,
      -0.0357797,
      -0.0895529,
      0.992812,
      -0.0794002
    ],
    "Manufacturer": "Philips",
    "NumberOfVolumesDiscardedByScanner": 2,
    "ParallelAcquisitionTechnique": "SENSE",
    "ParallelReductionFactorInPlane": 2,
    "PatientPosition": "HFS",
    "PhaseEncodingDirection": "j",
    "PhilipsRescaleIntercept": 0,
    "PhilipsRescaleSlope": 0.74725,
    "PhilipsScaleSlope": 0.0900567,
    "ProtocolName": "WIPpioprsSENSE",
    "PulseSequenceType": "gradient echo EPI",
    "ReconMatrixPE": 80,
    "RepetitionTime": 0.75,
    "SeriesDescription": "ImageMRSERIES",
    "SeriesNumber": 6,
    "SliceEncodingDirection": "k",
    "SliceTiming": [
      0.0,
      0.06755050505050506,
      0.1351010101010101,
      0.20265151515151517,
      0.2702020202020202,
      0.3377525252525253,
      0.40530303030303033,
      0.47285353535353536,
      0.5404040404040404,
      0.6079545454545455,
      0.6755050505050506,
      0.7430555555555556,
      0.0,
      0.06755050505050506,
      0.1351010101010101,
      0.20265151515151517,
      0.2702020202020202,
      0.3377525252525253,
      0.40530303030303033,
      0.47285353535353536,
      0.5404040404040404,
      0.6079545454545455,
      0.6755050505050506,
      0.7430555555555556,
      0.0,
      0.06755050505050506,
      0.1351010101010101,
      0.20265151515151517,
      0.2702020202020202,
      0.3377525252525253,
      0.40530303030303033,
      0.47285353535353536,
      0.5404040404040404,
      0.6079545454545455,
      0.6755050505050506,
      0.7430555555555556
    ],
    "TaskName": "restingstate",
    "TotalReadoutTime": 0.024699802401580786,
    "UsePhilipsFloatNotDisplayScaling": 1,
    "acq_id": "mb3",
    "dataset": "ds002785",
    "modality": "bold",
    "subject_id": "0039",
    "task_id": "restingstate"
  },
  "dummy_trs": 3,
  "dvars_nstd": 24.87120679239499,
  "dvars_std": 1.1247572511134454,
  "dvars_vstd": 1.0232140599789916,
  "efc": 0.41317366727820176,
  "fber": 158650.625,
  "fd_mean": 0.09021198011445299,
  "fd_num": 12,
  "fd_perc": 2.5157232704402515,
  "fwhm_avg": 1.9588278876687557,
  "fwhm_x": 1.9118066666666669,
  "fwhm_y": 2.1208466666666665,
  "fwhm_z": 1.843830329672934,
  "gcor": 0.0167176,
  "gsr_x": -0.02229820005595684,
  "gsr_y": 0.01375674270093441,
  "provenance": {
    "md5sum": "1a3e251a792182b96f38b485a0eed4d1",
    "settings": {
      "fd_thres": 0.2,
      "testing": false
    },
    "software": "mriqc",
    "version": "22.0.0rc1",
    "webapi_port": null,
    "webapi_url": "https://mriqc.nimh.nih.gov/api/v1"
  },
  "size_t": 477,
  "size_x": 80,
  "size_y": 80,
  "size_z": 36,
  "snr": 6.114805335213965,
  "spacing_tr": 0.75,
  "spacing_x": 3.0,
  "spacing_y": 3.0,
  "spacing_z": 3.299999952316284,
  "summary_bg_k": 56.5204147274016,
  "summary_bg_mad": 47.738498830529736,
  "summary_bg_mean": 356.1234436035156,
  "summary_bg_median": 43.60511016845703,
  "summary_bg_n": 158239.0,
  "summary_bg_p05": 2.83032763004303,
  "summary_bg_p95": 1687.098205566408,
  "summary_bg_stdv": 1037.21533203125,
  "summary_fg_k": 0.81296278647863,
  "summary_fg_mad": 2674.945960688049,
  "summary_fg_mean": 17611.330078125,
  "summary_fg_median": 17593.2109375,
  "summary_fg_n": 32452.0,
  "summary_fg_p05": 12867.626513671876,
  "summary_fg_p95": 22317.138574218745,
  "summary_fg_stdv": 2877.10546875,
  "tsnr": 56.86326599121094
}