{
  "aor": 0.001110962962962963,
  "aqi": 0.0034598536296296294,
  "bids_meta": {
    "AcquisitionNumber": 5,
    "BidsifyVersion": "0.3.5",
    "ConversionSoftware": "dcm2niix",
    "ConversionSoftwareVersion": "v1.0.20181125  GCC6.3.0",
    "EchoTime": 0.02762,
    "EffectiveEchoSpacing": 0.0006621159151938905,
    "ImageComments": "piop",
    "ImageOrientationPatientDICOM": [
      0.999234,
      -0.0218948,
      0.032442,
      0.0300057,
      0.960748,
      -0.275794
    ],
    "Manufacturer": "Philips",
    "NumberOfVolumesDiscardedByScanner": 2,
    "ParallelAcquisitionTechnique": "SENSE",
    "ParallelReductionFactorInPlane": 2,
    "PatientPosition": "HFS",
    "PhaseEncodingDirection": "j",
    "PhilipsRescaleIntercept": 0,
    "PhilipsRescaleSlope": 0.89304,
    "PhilipsScaleSlope": 0.0483465,
    "ProtocolName": "WIPpiopharririSENSE",
    "PulseSequenceType": "gradient echo EPI",
    "ReconMatrixPE": 80,
    "RepetitionTime": 2,
    "SeriesDescription": "ImageMRSERIES",
    "SeriesNumber": 5,
    "SliceEncodingDirection": "k",
    "SliceTiming": [
      0.0,
      0.0541,
      0.1081,
      0.1622,
      0.2162,
      0.2703,
      0.3243,
      0.3784,
      0.4324,
      0.4865,
      0.5405,
      0.5946,
      0.6486,
      0.7027,
      0.7568,
      0.8108,
      0.8649,
      0.9189,
      0.973,
      1.027,
      1.0811,
      1.1351,
      1.1892,
      1.2432,
      1.2973,
      1.3514,
      1.4054,
      1.4595,
      1.5135,
      1.5676,
      1.6216,
      1.6757,
      1.7297,
      1.7838,
      1.8378,
      1.8919,
      1.9459
    ],
    "TaskName": "emomatching",
    "TotalReadoutTime": 0.025822520692561732,
    "UsePhilipsFloatNotDisplayScaling": 1,
    "acq_id": "seq",
    "dataset": "ds002785",
    "modality": "bold",
    "subject_id": "0087",
    "task_id": "emomatching"
  },
  "dummy_trs": 0,
  "dvars_nstd": 23.413633317985063,
  "dvars_std": 1.363124823507463,
  "dvars_vstd": 1.0096969150746267,
  "efc": 0.4239208181521635,
  "fber": 174484.625,
  "fd_mean": 0.08466284128064623,
  "fd_num": 1,
  "fd_perc": 0.7407407407407407,
  "fwhm_avg": 1.73085202805461,
  "fwhm_x": 1.7168033333333332,
  "fwhm_y": 1.8454133333333333,
  "fwhm_z": 1.630339417497164,
  "gcor": 0.0222085,
  "gsr_x": -0.016978824511170387,
  "gsr_y": 0.012957626953721046,
  "provenance": {
    "md5sum": "0f130ba5bfcc6b649a0271a2a14cf6c8",
    "settings": {
      "fd_thres": 0.2,
      "testing": false
    },
    "software": "mriqc",
    "version": "22.0.0rc1",
    "webapi_port": null,
    "webapi_url": "https://mriqc.nimh.nih.gov/api/v1"
  },
  "size_t": 135,
  "size_x": 80,
  "size_y": 80,
  "size_z": 37,
  "snr": 5.916827564735291,
  "spacing_tr": 2.0,
  "spacing_x": 3.0,
  "spacing_y": 3.0,
  "spacing_z": 3.299999952316284,
  "summary_bg_k": 66.22602791310244,
  "summary_bg_mad": 61.820245019374134,
  "summary_bg_mean": 548.2176513671875,
  "summary_bg_median": 56.07181930541992,
  "summary_bg_n": 160341.0,
  "summary_bg_p05": 2.646681785583496,
  "summary_bg_p95": 2650.918701171875,
  "summary_bg_stdv": 1655.507080078125,
  "summary_fg_k": 2.682449208522719,
  "summary_fg_mad": 3639.029771077252,
  "summary_fg_mean": 24470.810546875,
  "summary_fg_median": 24146.83203125,
  "summary_fg_n": 34664.0,
  "summary_fg_p05": 18586.2263671875,
  "summary_fg_p95": 31141.84599609375,
  "summary_fg_stdv": 4080.98486328125,
  "tsnr": 91.24817657470703
}