{
  "aor": 0.0009454,
  "aqi": 0.00538861155,
  "bids_meta": {
    "AcquisitionNumber": 9,
    "BidsifyVersion": "0.3.5",
    "ConversionSoftware": "dcm2niix",
    "ConversionSoftwareVersion": "v1.0.20181125  GCC6.3.0",
    "EchoTime": 0.02762,
    "EffectiveEchoSpacing": 0.0006621159151938905,
    "ImageComments": "piop",
    "ImageOrientationPatientDICOM": [
      0.999234,
      -0.0218948,
      0.032442,
      0.0300057,
      0.960748,
      -0.275794
    ],
    "Manufacturer": "Philips",
    "NumberOfVolumesDiscardedByScanner": 2,
    "ParallelAcquisitionTechnique": "SENSE",
    "ParallelReductionFactorInPlane": 2,
    "PatientPosition": "HFS",
    "PhaseEncodingDirection": "j",
    "PhilipsRescaleIntercept": 0,
    "PhilipsRescaleSlope": 0.85348,
    "PhilipsScaleSlope": 0.0545935,
    "ProtocolName": "WIPpiopanticipatieSENSE",
    "PulseSequenceType": "gradient echo EPI",
    "ReconMatrixPE": 80,
    "RepetitionTime": 2,
    "SeriesDescription": "ImageMRSERIES",
    "SeriesNumber": 9,
    "SliceEncodingDirection": "k",
    "SliceTiming": [
      0.0,
      0.0541,
      0.1081,
      0.1622,
      0.2162,
      0.2703,
      0.3243,
      0.3784,
      0.4324,
      0.4865,
      0.5405,
      0.5946,
      0.6486,
      0.7027,
      0.7568,
      0.8108,
      0.8649,
      0.9189,
      0.973,
      1.027,
      1.0811,
      1.1351,
      1.1892,
      1.2432,
      1.2973,
      1.3514,
      1.4054,
      1.4595,
      1.5135,
      1.5676,
      1.6216,
      1.6757,
      1.7297,
      1.7838,
      1.8378,
      1.8919,
      1.9459
    ],
    "TaskName": "anticipation",
    "TotalReadoutTime": 0.025822520692561732,
    "UsePhilipsFloatNotDisplayScaling": 1,
    "acq_id": "seq",
    "dataset": "ds002785",
    "modality": "bold",
    "subject_id": "0087",
    "task_id": "anticipation"
  },
  "dummy_trs": 0,
  "dvars_nstd": 24.381161751909545,
  "dvars_std": 1.2941308722613063,
  "dvars_vstd": 0.9802264803015078,
  "efc": 0.42491924561246086,
  "fber": 165488.8125,
  "fd_mean": 0.12247560274994944,
  "fd_num": 16,
  "fd_perc": 8.0,
  "fwhm_avg": 1.7227495027269908,
  "fwhm_x": 1.70106,
  "fwhm_y": 1.8524399999999999,
  "fwhm_z": 1.6147485081809723,
  "gcor": 0.0212531,
  "gsr_x": -0.017241837456822395,
  "gsr_y": 0.013801557943224907,
  "provenance": {
    "md5sum": "0fb2f4a88de8fedce266d35cf6f32e87",
    "settings": {
      "fd_thres": 0.2,
      "testing": false
    },
    "software": "mriqc",
    "version": "22.0.0rc1",
    "webapi_port": null,
    "webapi_url": "https://mriqc.nimh.nih.gov/api/v1"
  },
  "size_t": 200,
  "size_x": 80,
  "size_y": 80,
  "size_z": 37,
  "snr": 5.997423319401447,
  "spacing_tr": 2.0,
  "spacing_x": 3.0,
  "spacing_y": 3.0,
  "spacing_z": 3.299999952316284,
  "summary_bg_k": 65.47525850324733,
  "summary_bg_mad": 61.67987885236188,
  "summary_bg_mean": 550.4497680664062,
  "summary_bg_median": 57.026084899902344,
  "summary_bg_n": 160520.0,
  "summary_bg_p05": 3.601838612556458,
  "summary_bg_p95": 2695.822070312496,
  "summary_bg_stdv": 1634.5206298828125,
  "summary_fg_k": 2.7239505289122015,
  "summary_fg_mad": 3519.503654332612,
  "summary_fg_mean": 24086.91015625,
  "summary_fg_median": 23755.39453125,
  "summary_fg_n": 34617.0,
  "summary_fg_p05": 18421.30234375,
  "summary_fg_p95": 30531.015234374998,
  "summary_fg_stdv": 3960.876220703125,
  "tsnr": 78.29814147949219
}