{
  "aor": 0.0005654285714285714,
  "aqi": 0.006233473428571428,
  "bids_meta": {
    "AcquisitionNumber": 3,
    "BidsifyVersion": "0.3.5",
    "ConversionSoftware": "dcm2niix",
    "ConversionSoftwareVersion": "v1.0.20181125  GCC6.3.0",
    "EchoTime": 0.02762,
    "EffectiveEchoSpacing": 0.0006621159151938905,
    "ImageComments": "piop",
    "ImageOrientationPatientDICOM": [
      0.999234,
      -0.0218948,
      0.032442,
      0.0300057,
      0.960748,
      -0.275794
    ],
    "Manufacturer": "Philips",
    "NumberOfVolumesDiscardedByScanner": 2,
    "ParallelAcquisitionTechnique": "SENSE",
    "ParallelReductionFactorInPlane": 2,
    "PatientPosition": "HFS",
    "PhaseEncodingDirection": "j",
    "PhilipsRescaleIntercept": 0,
    "PhilipsRescaleSlope": 0.75775,
    "PhilipsScaleSlope": 0.0516712,
    "ProtocolName": "WIPpiopgstroopSENSE",
    "PulseSequenceType": "gradient echo EPI",
    "ReconMatrixPE": 80,
    "RepetitionTime": 2,
    "SeriesDescription": "ImageMRSERIES",
    "SeriesNumber": 3,
    "SliceEncodingDirection": "k",
    "SliceTiming": [
      0.0,
      0.0541,
      0.1081,
      0.1622,
      0.2162,
      0.2703,
      0.3243,
      0.3784,
      0.4324,
      0.4865,
      0.5405,
      0.5946,
      0.6486,
      0.7027,
      0.7568,
      0.8108,
      0.8649,
      0.9189,
      0.973,
      1.027,
      1.0811,
      1.1351,
      1.1892,
      1.2432,
      1.2973,
      1.3514,
      1.4054,
      1.4595,
      1.5135,
      1.5676,
      1.6216,
      1.6757,
      1.7297,
      1.7838,
      1.8378,
      1.8919,
      1.9459
    ],
    "TaskName": "gstroop",
    "TotalReadoutTime": 0.025822520692561732,
    "UsePhilipsFloatNotDisplayScaling": 1,
    "acq_id": "seq",
    "dataset": "ds002785",
    "modality": "bold",
    "subject_id": "0087",
    "task_id": "gstroop"
  },
  "dummy_trs": 0,
  "dvars_nstd": 24.31726737860657,
  "dvars_std": 1.311775680655738,
  "dvars_vstd": 0.9735162399590169,
  "efc": 0.42479267353583566,
  "fber": 162815.859375,
  "fd_mean": 0.09913769120564217,
  "fd_num": 12,
  "fd_perc": 4.8979591836734695,
  "fwhm_avg": 1.716523745091698,
  "fwhm_x": 1.7063166666666667,
  "fwhm_y": 1.8408666666666667,
  "fwhm_z": 1.6023879019417606,
  "gcor": 0.0207064,
  "gsr_x": -0.01721947267651558,
  "gsr_y": 0.012423974461853504,
  "provenance": {
    "md5sum": "bf9e00dadcdbf6c5c0551184ee3359ae",
    "settings": {
      "fd_thres": 0.2,
      "testing": false
    },
    "software": "mriqc",
    "version": "22.0.0rc1",
    "webapi_port": null,
    "webapi_url": "https://mriqc.nimh.nih.gov/api/v1"
  },
  "size_t": 245,
  "size_x": 80,
  "size_y": 80,
  "size_z": 37,
  "snr": 5.992965397065234,
  "spacing_tr": 2.0,
  "spacing_x": 3.0,
  "spacing_y": 3.0,
  "spacing_z": 3.299999952316284,
  "summary_bg_k": 63.58737266802264,
  "summary_bg_mad": 64.0748219201766,
  "summary_bg_mean": 558.1000366210938,
  "summary_bg_median": 58.141754150390625,
  "summary_bg_n": 160424.0,
  "summary_bg_p05": 3.6740160584449773,
  "summary_bg_p95": 2673.542639160159,
  "summary_bg_stdv": 1683.971435546875,
  "summary_fg_k": 3.004212021110888,
  "summary_fg_mad": 3553.0040939144305,
  "summary_fg_mean": 24441.55078125,
  "summary_fg_median": 24095.57421875,
  "summary_fg_n": 34653.0,
  "summary_fg_p05": 18668.012109375,
  "summary_fg_p95": 30954.204296875007,
  "summary_fg_stdv": 4020.5849609375,
  "tsnr": 75.45015716552734
}