{
  "aor": 0.00023479079497907952,
  "aqi": 0.008297836903765692,
  "bids_meta": {
    "AcquisitionNumber": 6,
    "BidsifyVersion": "0.3.5",
    "ConversionSoftware": "dcm2niix",
    "ConversionSoftwareVersion": "v1.0.20181125  GCC6.3.0",
    "EchoTime": 0.02762,
    "EffectiveEchoSpacing": 0.0006333282667071997,
    "ImageComments": "PIOP",
    "ImageOrientationPatientDICOM": [
      0.99925,
      0.0385301,
      -0.00385759,
      -0.037514,
      0.938549,
      -0.343101
    ],
    "Manufacturer": "Philips",
    "NumberOfVolumesDiscardedByScanner": 2,
    "ParallelAcquisitionTechnique": "SENSE",
    "ParallelReductionFactorInPlane": 2,
    "PatientPosition": "HFS",
    "PhaseEncodingDirection": "j",
    "PhilipsRescaleIntercept": 0,
    "PhilipsRescaleSlope": 0.79219,
    "PhilipsScaleSlope": 0.102232,
    "ProtocolName": "WIPpioprsSENSE",
    "PulseSequenceType": "gradient echo EPI",
    "ReconMatrixPE": 80,
    "RepetitionTime": 0.75,
    "SeriesDescription": "ImageMRSERIES",
    "SeriesNumber": 6,
    "SliceEncodingDirection": "k",
    "SliceTiming": [
      0.0,
      0.06755050505050506,
      0.1351010101010101,
      0.20265151515151517,
      0.2702020202020202,
      0.3377525252525253,
      0.40530303030303033,
      0.47285353535353536,
      0.5404040404040404,
      0.6079545454545455,
      0.6755050505050506,
      0.7430555555555556,
      0.0,
      0.06755050505050506,
      0.1351010101010101,
      0.20265151515151517,
      0.2702020202020202,
      0.3377525252525253,
      0.40530303030303033,
      0.47285353535353536,
      0.5404040404040404,
      0.6079545454545455,
      0.6755050505050506,
      0.7430555555555556,
      0.0,
      0.06755050505050506,
      0.1351010101010101,
      0.20265151515151517,
      0.2702020202020202,
      0.3377525252525253,
      0.40530303030303033,
      0.47285353535353536,
      0.5404040404040404,
      0.6079545454545455,
      0.6755050505050506,
      0.7430555555555556
    ],
    "TaskName": "restingstate",
    "TotalReadoutTime": 0.024699802401580786,
    "UsePhilipsFloatNotDisplayScaling": 1,
    "acq_id": "mb3",
    "dataset": "ds002785",
    "modality": "bold",
    "subject_id": "0093",
    "task_id": "restingstate"
  },
  "dummy_trs": 2,
  "dvars_nstd": 27.347583466876305,
  "dvars_std": 1.0794037901886788,
  "dvars_vstd": 0.9949853306708591,
  "efc": 0.43051134822572146,
  "fber": 186968.25,
  "fd_mean": 0.10523128183698868,
  "fd_num": 14,
  "fd_perc": 2.928870292887029,
  "fwhm_avg": 1.9290693017232678,
  "fwhm_x": 1.9129533333333333,
  "fwhm_y": 2.0484666666666667,
  "fwhm_z": 1.8257879051698036,
  "gcor": 0.0171356,
  "gsr_x": -0.02365342527627945,
  "gsr_y": 0.01295939739793539,
  "provenance": {
    "md5sum": "cc993d234dfd75916e5efbeaab9b0485",
    "settings": {
      "fd_thres": 0.2,
      "testing": false
    },
    "software": "mriqc",
    "version": "22.0.0rc1",
    "webapi_port": null,
    "webapi_url": "https://mriqc.nimh.nih.gov/api/v1"
  },
  "size_t": 478,
  "size_x": 80,
  "size_y": 80,
  "size_z": 36,
  "snr": 5.803448585129341,
  "spacing_tr": 0.75,
  "spacing_x": 3.0,
  "spacing_y": 3.0,
  "spacing_z": 3.299999952316284,
  "summary_bg_k": 45.39940196594356,
  "summary_bg_mad": 36.925920112689425,
  "summary_bg_mean": 414.5589294433594,
  "summary_bg_median": 34.521568298339844,
  "summary_bg_n": 156169.0,
  "summary_bg_p05": 0.8142916679382325,
  "summary_bg_p95": 2416.357666015625,
  "summary_bg_stdv": 1277.183349609375,
  "summary_fg_k": 0.7940097535429702,
  "summary_fg_mad": 2544.969959654284,
  "summary_fg_mean": 15380.4453125,
  "summary_fg_median": 15214.412109375,
  "summary_fg_n": 34190.0,
  "summary_fg_p05": 11444.042431640624,
  "summary_fg_p95": 19827.29423828125,
  "summary_fg_stdv": 2621.577392578125,
  "tsnr": 48.79429626464844
}