{
  "aor": 0.0014905500000000002,
  "aqi": 0.0033770077500000005,
  "bids_meta": {
    "AcquisitionNumber": 9,
    "BidsifyVersion": "0.3.5",
    "ConversionSoftware": "dcm2niix",
    "ConversionSoftwareVersion": "v1.0.20181125  GCC6.3.0",
    "EchoTime": 0.02762,
    "EffectiveEchoSpacing": 0.0006621159151938905,
    "ImageComments": "PIOP",
    "ImageOrientationPatientDICOM": [
      0.99925,
      0.0385301,
      -0.00385759,
      -0.037514,
      0.938549,
      -0.343101
    ],
    "Manufacturer": "Philips",
    "NumberOfVolumesDiscardedByScanner": 2,
    "ParallelAcquisitionTechnique": "SENSE",
    "ParallelReductionFactorInPlane": 2,
    "PatientPosition": "HFS",
    "PhaseEncodingDirection": "j",
    "PhilipsRescaleIntercept": 0,
    "PhilipsRescaleSlope": 0.81538,
    "PhilipsScaleSlope": 0.0664749,
    "ProtocolName": "WIPpiopanticipatieSENSE",
    "PulseSequenceType": "gradient echo EPI",
    "ReconMatrixPE": 80,
    "RepetitionTime": 2,
    "SeriesDescription": "ImageMRSERIES",
    "SeriesNumber": 9,
    "SliceEncodingDirection": "k",
    "SliceTiming": [
      0.0,
      0.0541,
      0.1081,
      0.1622,
      0.2162,
      0.2703,
      0.3243,
      0.3784,
      0.4324,
      0.4865,
      0.5405,
      0.5946,
      0.6486,
      0.7027,
      0.7568,
      0.8108,
      0.8649,
      0.9189,
      0.973,
      1.027,
      1.0811,
      1.1351,
      1.1892,
      1.2432,
      1.2973,
      1.3514,
      1.4054,
      1.4595,
      1.5135,
      1.5676,
      1.6216,
      1.6757,
      1.7297,
      1.7838,
      1.8378,
      1.8919,
      1.9459
    ],
    "TaskName": "anticipation",
    "TotalReadoutTime": 0.025822520692561732,
    "UsePhilipsFloatNotDisplayScaling": 1,
    "acq_id": "seq",
    "dataset": "ds002785",
    "modality": "bold",
    "subject_id": "0093",
    "task_id": "anticipation"
  },
  "dummy_trs": 0,
  "dvars_nstd": 25.231612938492454,
  "dvars_std": 1.3050229983417088,
  "dvars_vstd": 1.007787271306533,
  "efc": 0.423927669747599,
  "fber": 183341.21875,
  "fd_mean": 0.10456448059500494,
  "fd_num": 6,
  "fd_perc": 3.0,
  "fwhm_avg": 1.8236721296431628,
  "fwhm_x": 1.7814466666666666,
  "fwhm_y": 1.9391333333333334,
  "fwhm_z": 1.7504363889294883,
  "gcor": 0.0197674,
  "gsr_x": -0.023149559274315834,
  "gsr_y": 0.013702127151191235,
  "provenance": {
    "md5sum": "62dcec33121dafe5d59e846408e41453",
    "settings": {
      "fd_thres": 0.2,
      "testing": false
    },
    "software": "mriqc",
    "version": "22.0.0rc1",
    "webapi_port": null,
    "webapi_url": "https://mriqc.nimh.nih.gov/api/v1"
  },
  "size_t": 200,
  "size_x": 80,
  "size_y": 80,
  "size_z": 37,
  "snr": 4.986436641073781,
  "spacing_tr": 2.0,
  "spacing_x": 3.0,
  "spacing_y": 3.0,
  "spacing_z": 3.299999952316284,
  "summary_bg_k": 63.44243990028484,
  "summary_bg_mad": 49.90476937913956,
  "summary_bg_mean": 569.7764892578125,
  "summary_bg_median": 48.92203140258789,
  "summary_bg_n": 161211.0,
  "summary_bg_p05": 1.8051282167434692,
  "summary_bg_p95": 3349.279296875,
  "summary_bg_stdv": 1815.9219970703125,
  "summary_fg_k": 1.8187633198825175,
  "summary_fg_mad": 3965.417989354107,
  "summary_fg_mean": 21932.095703125,
  "summary_fg_median": 21341.939453125,
  "summary_fg_n": 34742.0,
  "summary_fg_p05": 16135.697314453126,
  "summary_fg_p95": 29233.92470703125,
  "summary_fg_stdv": 4279.9365234375,
  "tsnr": 83.31549835205078
}