{
  "aor": 0.001684814814814815,
  "aqi": 0.0040845460493827155,
  "bids_meta": {
    "AcquisitionNumber": 8,
    "BidsifyVersion": "0.3.5",
    "ConversionSoftware": "dcm2niix",
    "ConversionSoftwareVersion": "v1.0.20181125  GCC6.3.0",
    "EchoTime": 0.02762,
    "EffectiveEchoSpacing": 0.0006621159151938905,
    "ImageComments": "PIOP",
    "ImageOrientationPatientDICOM": [
      0.99925,
      0.0385301,
      -0.00385759,
      -0.037514,
      0.938549,
      -0.343101
    ],
    "Manufacturer": "Philips",
    "NumberOfVolumesDiscardedByScanner": 2,
    "ParallelAcquisitionTechnique": "SENSE",
    "ParallelReductionFactorInPlane": 2,
    "PatientPosition": "HFS",
    "PhaseEncodingDirection": "j",
    "PhilipsRescaleIntercept": 0,
    "PhilipsRescaleSlope": 0.7939,
    "PhilipsScaleSlope": 0.0667503,
    "ProtocolName": "WIPpiopwmSENSE",
    "PulseSequenceType": "gradient echo EPI",
    "ReconMatrixPE": 80,
    "RepetitionTime": 2,
    "SeriesDescription": "ImageMRSERIES",
    "SeriesNumber": 8,
    "SliceEncodingDirection": "k",
    "SliceTiming": [
      0.0,
      0.0541,
      0.1081,
      0.1622,
      0.2162,
      0.2703,
      0.3243,
      0.3784,
      0.4324,
      0.4865,
      0.5405,
      0.5946,
      0.6486,
      0.7027,
      0.7568,
      0.8108,
      0.8649,
      0.9189,
      0.973,
      1.027,
      1.0811,
      1.1351,
      1.1892,
      1.2432,
      1.2973,
      1.3514,
      1.4054,
      1.4595,
      1.5135,
      1.5676,
      1.6216,
      1.6757,
      1.7297,
      1.7838,
      1.8378,
      1.8919,
      1.9459
    ],
    "TaskName": "workingmemory",
    "TotalReadoutTime": 0.025822520692561732,
    "UsePhilipsFloatNotDisplayScaling": 1,
    "acq_id": "seq",
    "dataset": "ds002785",
    "modality": "bold",
    "subject_id": "0093",
    "task_id": "workingmemory"
  },
  "dummy_trs": 0,
  "dvars_nstd": 25.64136031242236,
  "dvars_std": 1.3451334581987586,
  "dvars_vstd": 1.0121709472049687,
  "efc": 0.4252534331933774,
  "fber": 180369.59375,
  "fd_mean": 0.09797347506731965,
  "fd_num": 4,
  "fd_perc": 2.4691358024691357,
  "fwhm_avg": 1.8095942508178904,
  "fwhm_x": 1.7636033333333332,
  "fwhm_y": 1.9225066666666668,
  "fwhm_z": 1.7426727524536705,
  "gcor": 0.0188917,
  "gsr_x": -0.02302631363272667,
  "gsr_y": 0.013451710343360901,
  "provenance": {
    "md5sum": "1a65484848a6d1edb8634398d59be076",
    "settings": {
      "fd_thres": 0.2,
      "testing": false
    },
    "software": "mriqc",
    "version": "22.0.0rc1",
    "webapi_port": null,
    "webapi_url": "https://mriqc.nimh.nih.gov/api/v1"
  },
  "size_t": 162,
  "size_x": 80,
  "size_y": 80,
  "size_z": 37,
  "snr": 5.088069321407064,
  "spacing_tr": 2.0,
  "spacing_x": 3.0,
  "spacing_y": 3.0,
  "spacing_z": 3.299999952316284,
  "summary_bg_k": 60.31531868996153,
  "summary_bg_mad": 49.82710560020691,
  "summary_bg_mean": 581.4475708007812,
  "summary_bg_median": 49.345550537109375,
  "summary_bg_n": 161126.0,
  "summary_bg_p05": 2.396214723587036,
  "summary_bg_p95": 3363.30419921875,
  "summary_bg_stdv": 1862.94677734375,
  "summary_fg_k": 1.7772119642689033,
  "summary_fg_mad": 3930.0150699723695,
  "summary_fg_mean": 21918.287109375,
  "summary_fg_median": 21373.3828125,
  "summary_fg_n": 34850.0,
  "summary_fg_p05": 16207.272802734375,
  "summary_fg_p95": 29096.265625,
  "summary_fg_stdv": 4200.6259765625,
  "tsnr": 76.73410034179688
}