{
  "aor": 0.0013530000000000003,
  "aqi": 0.00793237990909091,
  "bids_meta": {
    "AcquisitionNumber": 2,
    "BidsifyVersion": "0.3.5",
    "ConversionSoftware": "dcm2niix",
    "ConversionSoftwareVersion": "v1.0.20181125  GCC6.3.0",
    "EchoTime": 0.02762,
    "EffectiveEchoSpacing": 0.0006333282667071997,
    "ImageComments": "PIOP",
    "ImageOrientationPatientDICOM": [
      0.99925,
      0.0385301,
      -0.00385759,
      -0.037514,
      0.938549,
      -0.343101
    ],
    "Manufacturer": "Philips",
    "NumberOfVolumesDiscardedByScanner": 2,
    "ParallelAcquisitionTechnique": "SENSE",
    "ParallelReductionFactorInPlane": 2,
    "PatientPosition": "HFS",
    "PhaseEncodingDirection": "j",
    "PhilipsRescaleIntercept": 0,
    "PhilipsRescaleSlope": 0.81709,
    "PhilipsScaleSlope": 0.099405,
    "ProtocolName": "WIPpiopfacesSENSE",
    "PulseSequenceType": "gradient echo EPI",
    "ReconMatrixPE": 80,
    "RepetitionTime": 0.75,
    "SeriesDescription": "ImageMRSERIES",
    "SeriesNumber": 2,
    "SliceEncodingDirection": "k",
    "SliceTiming": [
      0.0,
      0.06755050505050506,
      0.1351010101010101,
      0.20265151515151517,
      0.2702020202020202,
      0.3377525252525253,
      0.40530303030303033,
      0.47285353535353536,
      0.5404040404040404,
      0.6079545454545455,
      0.6755050505050506,
      0.7430555555555556,
      0.0,
      0.06755050505050506,
      0.1351010101010101,
      0.20265151515151517,
      0.2702020202020202,
      0.3377525252525253,
      0.40530303030303033,
      0.47285353535353536,
      0.5404040404040404,
      0.6079545454545455,
      0.6755050505050506,
      0.7430555555555556,
      0.0,
      0.06755050505050506,
      0.1351010101010101,
      0.20265151515151517,
      0.2702020202020202,
      0.3377525252525253,
      0.40530303030303033,
      0.47285353535353536,
      0.5404040404040404,
      0.6079545454545455,
      0.6755050505050506,
      0.7430555555555556
    ],
    "TaskName": "faces",
    "TotalReadoutTime": 0.024699802401580786,
    "UsePhilipsFloatNotDisplayScaling": 1,
    "acq_id": "mb3",
    "dataset": "ds002785",
    "modality": "bold",
    "subject_id": "0093",
    "task_id": "faces"
  },
  "dummy_trs": 0,
  "dvars_nstd": 27.405810637173225,
  "dvars_std": 1.0913254941337387,
  "dvars_vstd": 1.017745241823708,
  "efc": 0.42839179258083465,
  "fber": 208772.296875,
  "fd_mean": 0.11357672335221257,
  "fd_num": 17,
  "fd_perc": 5.151515151515151,
  "fwhm_avg": 1.9320902108986562,
  "fwhm_x": 1.9212166666666668,
  "fwhm_y": 2.0317266666666667,
  "fwhm_z": 1.8433272993626348,
  "gcor": 0.0123897,
  "gsr_x": -0.02347804792225361,
  "gsr_y": 0.012626050040125847,
  "provenance": {
    "md5sum": "130d558db9c9121477cd63ec9fa07cd0",
    "settings": {
      "fd_thres": 0.2,
      "testing": false
    },
    "software": "mriqc",
    "version": "22.0.0rc1",
    "webapi_port": null,
    "webapi_url": "https://mriqc.nimh.nih.gov/api/v1"
  },
  "size_t": 330,
  "size_x": 80,
  "size_y": 80,
  "size_z": 36,
  "snr": 5.699150696391655,
  "spacing_tr": 0.75,
  "spacing_x": 3.0,
  "spacing_y": 3.0,
  "spacing_z": 3.299999952316284,
  "summary_bg_k": 44.46794741760071,
  "summary_bg_mad": 36.39058680078564,
  "summary_bg_mean": 403.2726745605469,
  "summary_bg_median": 33.20893096923828,
  "summary_bg_n": 156196.0,
  "summary_bg_p05": 0.6689647734165192,
  "summary_bg_p95": 2328.1510009765625,
  "summary_bg_stdv": 1255.301025390625,
  "summary_fg_k": 0.7043534177630764,
  "summary_fg_mad": 2652.562142037564,
  "summary_fg_mean": 15689.388671875,
  "summary_fg_median": 15501.0673828125,
  "summary_fg_n": 34049.0,
  "summary_fg_p05": 11613.215625,
  "summary_fg_p95": 20334.965625,
  "summary_fg_stdv": 2719.850830078125,
  "tsnr": 49.42044448852539
}