{
  "aor": 0.005529877551020409,
  "aqi": 0.011002121836734692,
  "bids_meta": {
    "AcquisitionNumber": 3,
    "BidsifyVersion": "0.3.5",
    "ConversionSoftware": "dcm2niix",
    "ConversionSoftwareVersion": "v1.0.20181125  GCC6.3.0",
    "EchoTime": 0.02762,
    "EffectiveEchoSpacing": 0.0006621159151938905,
    "ImageComments": "piop",
    "ImageOrientationPatientDICOM": [
      0.999348,
      0.0297974,
      -0.0203811,
      -0.0345487,
      0.953151,
      -0.300514
    ],
    "Manufacturer": "Philips",
    "NumberOfVolumesDiscardedByScanner": 2,
    "ParallelAcquisitionTechnique": "SENSE",
    "ParallelReductionFactorInPlane": 2,
    "PatientPosition": "HFS",
    "PhaseEncodingDirection": "j",
    "PhilipsRescaleIntercept": 0,
    "PhilipsRescaleSlope": 0.76386,
    "PhilipsScaleSlope": 0.0638667,
    "ProtocolName": "WIPpiopgstroopSENSE",
    "PulseSequenceType": "gradient echo EPI",
    "ReconMatrixPE": 80,
    "RepetitionTime": 2,
    "SeriesDescription": "ImageMRSERIES",
    "SeriesNumber": 3,
    "SliceEncodingDirection": "k",
    "SliceTiming": [
      0.0,
      0.0541,
      0.1081,
      0.1622,
      0.2162,
      0.2703,
      0.3243,
      0.3784,
      0.4324,
      0.4865,
      0.5405,
      0.5946,
      0.6486,
      0.7027,
      0.7568,
      0.8108,
      0.8649,
      0.9189,
      0.973,
      1.027,
      1.0811,
      1.1351,
      1.1892,
      1.2432,
      1.2973,
      1.3514,
      1.4054,
      1.4595,
      1.5135,
      1.5676,
      1.6216,
      1.6757,
      1.7297,
      1.7838,
      1.8378,
      1.8919,
      1.9459
    ],
    "TaskName": "gstroop",
    "TotalReadoutTime": 0.025822520692561732,
    "UsePhilipsFloatNotDisplayScaling": 1,
    "acq_id": "seq",
    "dataset": "ds002785",
    "modality": "bold",
    "subject_id": "0003",
    "task_id": "gstroop"
  },
  "dummy_trs": 0,
  "dvars_nstd": 22.336113081516395,
  "dvars_std": 1.1035363952868855,
  "dvars_vstd": 0.9825478689344266,
  "efc": 0.4251629029412621,
  "fber": 153275.09375,
  "fd_mean": 0.18200274906040728,
  "fd_num": 50,
  "fd_perc": 20.408163265306122,
  "fwhm_avg": 1.7796432404492268,
  "fwhm_x": 1.7271533333333335,
  "fwhm_y": 1.9246733333333335,
  "fwhm_z": 1.687103054681013,
  "gcor": 0.0348366,
  "gsr_x": -0.02147047221660614,
  "gsr_y": 0.020388420671224594,
  "provenance": {
    "md5sum": "a4e33fe214cacddae63ac3643b48ea70",
    "settings": {
      "fd_thres": 0.2,
      "testing": false
    },
    "software": "mriqc",
    "version": "22.0.0rc1",
    "webapi_port": null,
    "webapi_url": "https://mriqc.nimh.nih.gov/api/v1"
  },
  "size_t": 245,
  "size_x": 80,
  "size_y": 80,
  "size_z": 37,
  "snr": 5.534305736619749,
  "spacing_tr": 2.0,
  "spacing_x": 3.0,
  "spacing_y": 3.0,
  "spacing_z": 3.299999952316284,
  "summary_bg_k": 77.51127651277152,
  "summary_bg_mad": 55.57829450199606,
  "summary_bg_mean": 569.2960815429688,
  "summary_bg_median": 57.94166564941406,
  "summary_bg_n": 160408.0,
  "summary_bg_p05": 7.117678451538086,
  "summary_bg_p95": 3354.878540039061,
  "summary_bg_stdv": 1737.0050048828125,
  "summary_fg_k": 1.3278797917005116,
  "summary_fg_mad": 3915.454005019722,
  "summary_fg_mean": 23787.685546875,
  "summary_fg_median": 23343.31640625,
  "summary_fg_n": 34704.0,
  "summary_fg_p05": 17710.2177734375,
  "summary_fg_p95": 30974.884374999998,
  "summary_fg_stdv": 4217.86962890625,
  "tsnr": 53.99790954589844
}