{
  "aor": 0.00202305,
  "aqi": 0.006992737200000001,
  "bids_meta": {
    "AcquisitionNumber": 9,
    "BidsifyVersion": "0.3.5",
    "ConversionSoftware": "dcm2niix",
    "ConversionSoftwareVersion": "v1.0.20181125  GCC6.3.0",
    "EchoTime": 0.02762,
    "ImageComments": "Piop",
    "ImageOrientationPatientDICOM": [
      0.999657,
      0.0259047,
      -0.00395877,
      -0.0261769,
      0.980067,
      -0.196937
    ],
    "Manufacturer": "Philips",
    "NumberOfVolumesDiscardedByScanner": 2,
    "ParallelAcquisitionTechnique": "SENSE",
    "ParallelReductionFactorInPlane": 2,
    "PatientPosition": "HFS",
    "PhaseEncodingDirection": "j",
    "PhilipsRescaleIntercept": 0,
    "PhilipsRescaleSlope": 0.76313,
    "PhilipsScaleSlope": 0.0528499,
    "ProtocolName": "WIPpiopanticipatieSENSE",
    "PulseSequenceType": "gradient echo EPI",
    "ReconMatrixPE": 80,
    "RepetitionTime": 2,
    "SeriesDescription": "ImageMRSERIES",
    "SeriesNumber": 9,
    "SliceEncodingDirection": "k",
    "TaskName": "anticipation",
    "UsePhilipsFloatNotDisplayScaling": 1,
    "acq_id": "seq",
    "dataset": "ds002785",
    "modality": "bold",
    "subject_id": "0215",
    "task_id": "anticipation"
  },
  "dummy_trs": 0,
  "dvars_nstd": 18.815863345879393,
  "dvars_std": 1.1796769085427137,
  "dvars_vstd": 0.9998920334673376,
  "efc": 0.3913233190471209,
  "fber": 227129.5625,
  "fd_mean": 0.09993238602186072,
  "fd_num": 14,
  "fd_perc": 7.0,
  "fwhm_avg": 1.7020308159098114,
  "fwhm_x": 1.68129,
  "fwhm_y": 1.79936,
  "fwhm_z": 1.625442447729435,
  "gcor": 0.0411269,
  "gsr_x": -0.01983376033604145,
  "gsr_y": 0.014805610291659832,
  "provenance": {
    "md5sum": "aca74a47597e169a692186bc63fd25fd",
    "settings": {
      "fd_thres": 0.2,
      "testing": false
    },
    "software": "mriqc",
    "version": "23.0.1",
    "webapi_port": null,
    "webapi_url": "https://mriqc.nimh.nih.gov/api/v1"
  },
  "size_t": 200,
  "size_x": 80,
  "size_y": 80,
  "size_z": 37,
  "snr": 6.361742479796638,
  "spacing_tr": 2.0,
  "spacing_x": 3.0,
  "spacing_y": 3.0,
  "spacing_z": 3.299999952316284,
  "summary_bg_k": 77.17739927273027,
  "summary_bg_mad": 56.02650703333978,
  "summary_bg_mean": 583.982666015625,
  "summary_bg_median": 57.050750732421875,
  "summary_bg_n": 167773.0,
  "summary_bg_p05": 4.087255954742432,
  "summary_bg_p95": 3185.540429687499,
  "summary_bg_stdv": 1928.9188232421875,
  "summary_fg_k": 2.278512577220667,
  "summary_fg_mad": 3925.3906251619137,
  "summary_fg_mean": 28055.568359375,
  "summary_fg_median": 27645.705078125,
  "summary_fg_n": 29382.0,
  "summary_fg_p05": 21906.81376953125,
  "summary_fg_p95": 35288.32675781249,
  "summary_fg_stdv": 4345.54443359375,
  "tsnr": 78.00116729736328
}