{
  "bids_meta": {
    "AcquisitionNumber": 4,
    "BidsifyVersion": "0.3.5",
    "ConversionSoftware": "dcm2niix",
    "ConversionSoftwareVersion": "v1.0.20181125  GCC6.3.0",
    "EchoTime": 0.0038,
    "ImageComments": "Piop",
    "ImageOrientationPatientDICOM": [
      0.99984,
      0.0142308,
      -0.0108539,
      -0.0123905,
      0.987994,
      0.153994
    ],
    "Manufacturer": "Philips",
    "PatientPosition": "HFS",
    "PhilipsRescaleIntercept": 0,
    "PhilipsRescaleSlope": 8.68132,
    "PhilipsScaleSlope": 0.00722822,
    "ProtocolName": "WIPt13dSENSE",
    "ReconMatrixPE": 240,
    "RepetitionTime": 0.008266,
    "SeriesDescription": "ImageMRSERIES",
    "SeriesNumber": 4,
    "UsePhilipsFloatNotDisplayScaling": 1,
    "dataset": "ds002785",
    "modality": "T1w",
    "subject_id": "0014"
  },
  "cjv": 0.30472328681579053,
  "cnr": 4.111782284065938,
  "efc": 0.7389732387770446,
  "fber": 437.2267150878906,
  "fwhm_avg": 3.5258533333333335,
  "fwhm_x": 3.4786,
  "fwhm_y": 3.78187,
  "fwhm_z": 3.31709,
  "icvs_csf": 0.1966646187387255,
  "icvs_gm": 0.43191768003821895,
  "icvs_wm": 0.3714177012230555,
  "inu_med": 1.9469258785247803,
  "inu_range": 0.4389999806880951,
  "provenance": {
    "md5sum": "94a20446575b5d7f358ff31677dc63c4",
    "settings": {
      "testing": false
    },
    "software": "mriqc",
    "version": "22.0.0rc1",
    "warnings": {
      "large_rot_frame": true,
      "small_air_mask": true
    },
    "webapi_port": null,
    "webapi_url": "https://mriqc.nimh.nih.gov/api/v1"
  },
  "qi_1": 0.0,
  "qi_2": 0.00010934461603522752,
  "rpve_csf": 29.54758254883336,
  "rpve_gm": 14.899884752396423,
  "rpve_wm": 22.11899982805268,
  "size_x": 240,
  "size_y": 240,
  "size_z": 220,
  "snr_csf": 1.842933943060478,
  "snr_gm": 6.946327539154627,
  "snr_total": 9.61409065976128,
  "snr_wm": 20.053010497068733,
  "snrd_csf": 21.951288922585164,
  "snrd_gm": 48.393962413023914,
  "snrd_total": 50.718011592580105,
  "snrd_wm": 81.80878344213126,
  "spacing_x": 1.0,
  "spacing_y": 1.0,
  "spacing_z": 1.0,
  "summary_bg_k": 215.43361797715588,
  "summary_bg_mad": 8.007963387218883,
  "summary_bg_mean": 12.528702735900879,
  "summary_bg_median": 10.711355209350586,
  "summary_bg_n": 195446.0,
  "summary_bg_p05": 0.0,
  "summary_bg_p95": 32.42898368835449,
  "summary_bg_stdv": 11.363393783569336,
  "summary_csf_k": 24.006307257865164,
  "summary_csf_mad": 155.71312810013677,
  "summary_csf_mean": 258.0325927734375,
  "summary_csf_median": 268.318359375,
  "summary_csf_n": 3896.0,
  "summary_csf_p05": 70.43399620056152,
  "summary_csf_p95": 439.9791564941406,
  "summary_csf_stdv": 145.57435607910156,
  "summary_gm_k": 0.32735142312669074,
  "summary_gm_mad": 79.98554812339725,
  "summary_gm_mean": 595.3823852539062,
  "summary_gm_median": 591.5364990234375,
  "summary_gm_n": 17896.0,
  "summary_gm_p05": 462.5545196533203,
  "summary_gm_p95": 742.9724578857422,
  "summary_gm_stdv": 85.1557846069336,
  "summary_wm_k": 1.1553457463397274,
  "summary_wm_mad": 44.47598526543261,
  "summary_wm_mean": 997.1196899414062,
  "summary_wm_median": 999.9776611328125,
  "summary_wm_n": 193074.0,
  "summary_wm_p05": 910.421728515625,
  "summary_wm_p95": 1072.8138244628906,
  "summary_wm_stdv": 49.866580963134766,
  "tpm_overlap_csf": 0.16578231751918793,
  "tpm_overlap_gm": 0.44127893447875977,
  "tpm_overlap_wm": 0.512467622756958,
  "wm2max": 0.7097234516915479
}