{
  "aor": 0.0008395102040816327,
  "aqi": 0.0018846648571428572,
  "bids_meta": {
    "AcquisitionNumber": 3,
    "BidsifyVersion": "0.3.5",
    "ConversionSoftware": "dcm2niix",
    "ConversionSoftwareVersion": "v1.0.20181125  GCC6.3.0",
    "EchoTime": 0.02762,
    "EffectiveEchoSpacing": 0.0006621159151938905,
    "ImageComments": "piop",
    "ImageOrientationPatientDICOM": [
      0.999429,
      -0.0186076,
      -0.0282181,
      0.0120365,
      0.976029,
      -0.217306
    ],
    "Manufacturer": "Philips",
    "NumberOfVolumesDiscardedByScanner": 2,
    "ParallelAcquisitionTechnique": "SENSE",
    "ParallelReductionFactorInPlane": 2,
    "PatientPosition": "HFS",
    "PhaseEncodingDirection": "j",
    "PhilipsRescaleIntercept": 0,
    "PhilipsRescaleSlope": 0.77411,
    "PhilipsScaleSlope": 0.0465007,
    "ProtocolName": "WIPpiopgstroopSENSE",
    "PulseSequenceType": "gradient echo EPI",
    "ReconMatrixPE": 80,
    "RepetitionTime": 2,
    "SeriesDescription": "ImageMRSERIES",
    "SeriesNumber": 3,
    "SliceEncodingDirection": "k",
    "SliceTiming": [
      0.0,
      0.0541,
      0.1081,
      0.1622,
      0.2162,
      0.2703,
      0.3243,
      0.3784,
      0.4324,
      0.4865,
      0.5405,
      0.5946,
      0.6486,
      0.7027,
      0.7568,
      0.8108,
      0.8649,
      0.9189,
      0.973,
      1.027,
      1.0811,
      1.1351,
      1.1892,
      1.2432,
      1.2973,
      1.3514,
      1.4054,
      1.4595,
      1.5135,
      1.5676,
      1.6216,
      1.6757,
      1.7297,
      1.7838,
      1.8378,
      1.8919,
      1.9459
    ],
    "TaskName": "gstroop",
    "TotalReadoutTime": 0.025822520692561732,
    "UsePhilipsFloatNotDisplayScaling": 1,
    "acq_id": "seq",
    "dataset": "ds002785",
    "modality": "bold",
    "subject_id": "0196",
    "task_id": "gstroop"
  },
  "dummy_trs": 0,
  "dvars_nstd": 17.403317557008204,
  "dvars_std": 1.244791531311475,
  "dvars_vstd": 1.0043631108196722,
  "efc": 0.4071947358085891,
  "fber": 219183.359375,
  "fd_mean": 0.11073614541687474,
  "fd_num": 12,
  "fd_perc": 4.8979591836734695,
  "fwhm_avg": 1.9019574833416655,
  "fwhm_x": 1.8782500000000002,
  "fwhm_y": 2.0433133333333333,
  "fwhm_z": 1.7843091166916631,
  "gcor": 0.10988,
  "gsr_x": -0.01744222082197666,
  "gsr_y": 0.011071732267737389,
  "provenance": {
    "md5sum": "7e95e41963b28029a5cc3bdeaacd6af8",
    "settings": {
      "fd_thres": 0.2,
      "testing": false
    },
    "software": "mriqc",
    "version": "22.0.0rc1",
    "webapi_port": null,
    "webapi_url": "https://mriqc.nimh.nih.gov/api/v1"
  },
  "size_t": 245,
  "size_x": 80,
  "size_y": 80,
  "size_z": 37,
  "snr": 4.950016225739716,
  "spacing_tr": 2.0,
  "spacing_x": 3.0,
  "spacing_y": 3.0,
  "spacing_z": 3.299999952316284,
  "summary_bg_k": 62.82662654095614,
  "summary_bg_mad": 64.38339150441276,
  "summary_bg_mean": 559.8895263671875,
  "summary_bg_median": 61.170040130615234,
  "summary_bg_n": 162679.0,
  "summary_bg_p05": 3.7967940568923955,
  "summary_bg_p95": 2784.3828613281253,
  "summary_bg_stdv": 1805.630126953125,
  "summary_fg_k": 2.468567794230415,
  "summary_fg_mad": 5310.278643350402,
  "summary_fg_mean": 29788.578125,
  "summary_fg_median": 29119.9375,
  "summary_fg_n": 33659.0,
  "summary_fg_p05": 21838.762890625,
  "summary_fg_p95": 39452.825390624996,
  "summary_fg_stdv": 5882.708984375,
  "tsnr": 100.41825866699219
}