{
  "aor": 0.00260755,
  "aqi": 0.010389023750000002,
  "bids_meta": {
    "AcquisitionNumber": 9,
    "BidsifyVersion": "0.3.5",
    "ConversionSoftware": "dcm2niix",
    "ConversionSoftwareVersion": "v1.0.20181125  GCC6.3.0",
    "EchoTime": 0.02762,
    "EffectiveEchoSpacing": 0.0006621159151938905,
    "ImageComments": "piop",
    "ImageOrientationPatientDICOM": [
      0.99832,
      0.0393019,
      0.0425849,
      -0.0371302,
      0.998026,
      -0.0506418
    ],
    "Manufacturer": "Philips",
    "NumberOfVolumesDiscardedByScanner": 2,
    "ParallelAcquisitionTechnique": "SENSE",
    "ParallelReductionFactorInPlane": 2,
    "PatientPosition": "HFS",
    "PhaseEncodingDirection": "j",
    "PhilipsRescaleIntercept": 0,
    "PhilipsRescaleSlope": 0.82613,
    "PhilipsScaleSlope": 0.0531796,
    "ProtocolName": "WIPpiopanticipatieSENSE",
    "PulseSequenceType": "gradient echo EPI",
    "ReconMatrixPE": 80,
    "RepetitionTime": 2,
    "SeriesDescription": "ImageMRSERIES",
    "SeriesNumber": 9,
    "SliceEncodingDirection": "k",
    "SliceTiming": [
      0.0,
      0.0541,
      0.1081,
      0.1622,
      0.2162,
      0.2703,
      0.3243,
      0.3784,
      0.4324,
      0.4865,
      0.5405,
      0.5946,
      0.6486,
      0.7027,
      0.7568,
      0.8108,
      0.8649,
      0.9189,
      0.973,
      1.027,
      1.0811,
      1.1351,
      1.1892,
      1.2432,
      1.2973,
      1.3514,
      1.4054,
      1.4595,
      1.5135,
      1.5676,
      1.6216,
      1.6757,
      1.7297,
      1.7838,
      1.8378,
      1.8919,
      1.9459
    ],
    "TaskName": "anticipation",
    "TotalReadoutTime": 0.025822520692561732,
    "UsePhilipsFloatNotDisplayScaling": 1,
    "acq_id": "seq",
    "dataset": "ds002785",
    "modality": "bold",
    "subject_id": "0060",
    "task_id": "anticipation"
  },
  "dummy_trs": 0,
  "dvars_nstd": 23.479790634673357,
  "dvars_std": 1.2439276002512563,
  "dvars_vstd": 0.9531599217085426,
  "efc": 0.4342049412749066,
  "fber": 181229.03125,
  "fd_mean": 0.1466673316951728,
  "fd_num": 34,
  "fd_perc": 17.0,
  "fwhm_avg": 1.967429302020127,
  "fwhm_x": 1.9066666666666665,
  "fwhm_y": 2.1082,
  "fwhm_z": 1.8874212393937144,
  "gcor": 0.0199104,
  "gsr_x": -0.02088935859501362,
  "gsr_y": 0.016737595200538635,
  "provenance": {
    "md5sum": "ac766d51d2a70dfe33dd5c5a56b0b7aa",
    "settings": {
      "fd_thres": 0.2,
      "testing": false
    },
    "software": "mriqc",
    "version": "22.0.0rc1",
    "webapi_port": null,
    "webapi_url": "https://mriqc.nimh.nih.gov/api/v1"
  },
  "size_t": 200,
  "size_x": 80,
  "size_y": 80,
  "size_z": 37,
  "snr": 5.32504449420694,
  "spacing_tr": 2.0,
  "spacing_x": 3.0,
  "spacing_y": 3.0,
  "spacing_z": 3.299999952316284,
  "summary_bg_k": 39.10022013273318,
  "summary_bg_mad": 62.60512171854328,
  "summary_bg_mean": 706.5662841796875,
  "summary_bg_median": 59.07320785522461,
  "summary_bg_n": 159324.0,
  "summary_bg_p05": 3.965519607067108,
  "summary_bg_p95": 4318.209960937508,
  "summary_bg_stdv": 1981.206298828125,
  "summary_fg_k": 1.0835310993589582,
  "summary_fg_mad": 4786.427789950061,
  "summary_fg_mean": 26609.841796875,
  "summary_fg_median": 26219.47265625,
  "summary_fg_n": 36132.0,
  "summary_fg_p05": 19321.32578125,
  "summary_fg_p95": 34905.016796874996,
  "summary_fg_stdv": 4923.7353515625,
  "tsnr": 61.930328369140625
}