{
  "aor": 0.0021746666666666663,
  "aqi": 0.0034754365185185186,
  "bids_meta": {
    "AcquisitionNumber": 5,
    "BidsifyVersion": "0.3.5",
    "ConversionSoftware": "dcm2niix",
    "ConversionSoftwareVersion": "v1.0.20181125  GCC6.3.0",
    "EchoTime": 0.02762,
    "EffectiveEchoSpacing": 0.0006621159151938905,
    "ImageComments": "piop",
    "ImageOrientationPatientDICOM": [
      0.99832,
      0.0393019,
      0.0425849,
      -0.0371302,
      0.998026,
      -0.0506418
    ],
    "Manufacturer": "Philips",
    "NumberOfVolumesDiscardedByScanner": 2,
    "ParallelAcquisitionTechnique": "SENSE",
    "ParallelReductionFactorInPlane": 2,
    "PatientPosition": "HFS",
    "PhaseEncodingDirection": "j",
    "PhilipsRescaleIntercept": 0,
    "PhilipsRescaleSlope": 0.82173,
    "PhilipsScaleSlope": 0.0519768,
    "ProtocolName": "WIPpiopharririSENSE",
    "PulseSequenceType": "gradient echo EPI",
    "ReconMatrixPE": 80,
    "RepetitionTime": 2,
    "SeriesDescription": "ImageMRSERIES",
    "SeriesNumber": 5,
    "SliceEncodingDirection": "k",
    "SliceTiming": [
      0.0,
      0.0541,
      0.1081,
      0.1622,
      0.2162,
      0.2703,
      0.3243,
      0.3784,
      0.4324,
      0.4865,
      0.5405,
      0.5946,
      0.6486,
      0.7027,
      0.7568,
      0.8108,
      0.8649,
      0.9189,
      0.973,
      1.027,
      1.0811,
      1.1351,
      1.1892,
      1.2432,
      1.2973,
      1.3514,
      1.4054,
      1.4595,
      1.5135,
      1.5676,
      1.6216,
      1.6757,
      1.7297,
      1.7838,
      1.8378,
      1.8919,
      1.9459
    ],
    "TaskName": "emomatching",
    "TotalReadoutTime": 0.025822520692561732,
    "UsePhilipsFloatNotDisplayScaling": 1,
    "acq_id": "seq",
    "dataset": "ds002785",
    "modality": "bold",
    "subject_id": "0060",
    "task_id": "emomatching"
  },
  "dummy_trs": 0,
  "dvars_nstd": 19.092584865970146,
  "dvars_std": 1.2520238276119404,
  "dvars_vstd": 1.0232626667164182,
  "efc": 0.4322506554383786,
  "fber": 185248.984375,
  "fd_mean": 0.12600971736626904,
  "fd_num": 9,
  "fd_perc": 6.666666666666667,
  "fwhm_avg": 1.9508943525419478,
  "fwhm_x": 1.8805733333333334,
  "fwhm_y": 2.0812066666666666,
  "fwhm_z": 1.8909030576258437,
  "gcor": 0.0445117,
  "gsr_x": -0.020333029329776764,
  "gsr_y": 0.017593126744031906,
  "provenance": {
    "md5sum": "cb5836f9b87c98b0aefca9ffd2c83954",
    "settings": {
      "fd_thres": 0.2,
      "testing": false
    },
    "software": "mriqc",
    "version": "22.0.0rc1",
    "webapi_port": null,
    "webapi_url": "https://mriqc.nimh.nih.gov/api/v1"
  },
  "size_t": 135,
  "size_x": 80,
  "size_y": 80,
  "size_z": 37,
  "snr": 5.368151540691429,
  "spacing_tr": 2.0,
  "spacing_x": 3.0,
  "spacing_y": 3.0,
  "spacing_z": 3.299999952316284,
  "summary_bg_k": 42.933996147315554,
  "summary_bg_mad": 62.46993403227566,
  "summary_bg_mean": 696.3841552734375,
  "summary_bg_median": 59.47822570800781,
  "summary_bg_n": 159451.0,
  "summary_bg_p05": 2.8253026008605957,
  "summary_bg_p95": 4213.659423828125,
  "summary_bg_stdv": 1998.985107421875,
  "summary_fg_k": 1.146659565604267,
  "summary_fg_mad": 4842.572661853586,
  "summary_fg_mean": 27060.349609375,
  "summary_fg_median": 26697.044921875,
  "summary_fg_n": 36059.0,
  "summary_fg_p05": 19708.2025390625,
  "summary_fg_p95": 35292.163671874994,
  "summary_fg_stdv": 4973.15966796875,
  "tsnr": 90.46121978759766
}