{
  "bids_meta": {
    "AcquisitionNumber": 4,
    "BidsifyVersion": "0.3.5",
    "ConversionSoftware": "dcm2niix",
    "ConversionSoftwareVersion": "v1.0.20181125  GCC6.3.0",
    "EchoTime": 0.00373,
    "ImageComments": "Piop",
    "ImageOrientationPatientDICOM": [
      0.999994,
      0.00332353,
      -0.00102344,
      -0.00331612,
      0.999969,
      0.00715922
    ],
    "Manufacturer": "Philips",
    "PatientPosition": "HFS",
    "PhilipsRescaleIntercept": 0,
    "PhilipsRescaleSlope": 9.36093,
    "PhilipsScaleSlope": 0.00714226,
    "ProtocolName": "WIPt13dSENSE",
    "ReconMatrixPE": 240,
    "RepetitionTime": 0.008148,
    "SeriesDescription": "ImageMRSERIES",
    "SeriesNumber": 4,
    "UsePhilipsFloatNotDisplayScaling": 1,
    "dataset": "ds002785",
    "modality": "T1w",
    "subject_id": "0186"
  },
  "cjv": 0.3285534796241748,
  "cnr": 3.6957547028520126,
  "efc": 0.7560791286727859,
  "fber": 319.5638427734375,
  "fwhm_avg": 3.45552,
  "fwhm_x": 3.39239,
  "fwhm_y": 3.65209,
  "fwhm_z": 3.32208,
  "icvs_csf": 0.21537741653667736,
  "icvs_gm": 0.407150933988477,
  "icvs_wm": 0.3774716494748456,
  "inu_med": 1.4609978199005127,
  "inu_range": 0.35931907892227155,
  "provenance": {
    "md5sum": "6e7f4eb6e56725819d9258b7e4a0d8eb",
    "settings": {
      "testing": false
    },
    "software": "mriqc",
    "version": "22.0.0rc1",
    "warnings": {
      "large_rot_frame": true,
      "small_air_mask": true
    },
    "webapi_port": null,
    "webapi_url": "https://mriqc.nimh.nih.gov/api/v1"
  },
  "qi_1": 0.0,
  "qi_2": 0.00012457295495814922,
  "rpve_csf": 27.75663664008769,
  "rpve_gm": 15.372076775951243,
  "rpve_wm": 22.065402228253358,
  "size_x": 240,
  "size_y": 240,
  "size_z": 220,
  "snr_csf": 3.330929901667191,
  "snr_gm": 6.808907086070679,
  "snr_total": 10.354293639466713,
  "snr_wm": 20.923043930662267,
  "snrd_csf": 22.917479797917714,
  "snrd_gm": 42.425450397711174,
  "snrd_total": 44.64576996365529,
  "snrd_wm": 68.59437969533698,
  "spacing_x": 1.0,
  "spacing_y": 1.0,
  "spacing_z": 1.0,
  "summary_bg_k": 3.034907379834082,
  "summary_bg_mad": 9.550725059300552,
  "summary_bg_mean": 13.92870807647705,
  "summary_bg_median": 12.867835998535156,
  "summary_bg_n": 163524.0,
  "summary_bg_p05": 0.0,
  "summary_bg_p95": 32.6594217300415,
  "summary_bg_stdv": 10.99615478515625,
  "summary_csf_k": 0.7408788164266022,
  "summary_csf_mad": 76.74380362414524,
  "summary_csf_mean": 321.30584716796875,
  "summary_csf_median": 334.0961608886719,
  "summary_csf_n": 3009.0,
  "summary_csf_p05": 110.64705963134766,
  "summary_csf_p95": 471.6395812988281,
  "summary_csf_stdv": 100.28450012207031,
  "summary_gm_k": 0.3952674145521047,
  "summary_gm_mad": 82.89894654416733,
  "summary_gm_mean": 623.6695556640625,
  "summary_gm_median": 618.4877319335938,
  "summary_gm_n": 13630.0,
  "summary_gm_p05": 479.87926483154297,
  "summary_gm_p95": 785.9880737304687,
  "summary_gm_stdv": 90.8317642211914,
  "summary_wm_k": 1.1758446566079481,
  "summary_wm_mad": 42.44306289361635,
  "summary_wm_mean": 997.962646484375,
  "summary_wm_median": 999.9842529296875,
  "summary_wm_n": 191934.0,
  "summary_wm_p05": 916.0304504394531,
  "summary_wm_p95": 1071.5547790527344,
  "summary_wm_stdv": 47.79331588745117,
  "tpm_overlap_csf": 0.14029528200626373,
  "tpm_overlap_gm": 0.4144626557826996,
  "tpm_overlap_wm": 0.49511033296585083,
  "wm2max": 0.7094775940139934
}