{
  "aor": 0.0006182424242424244,
  "aqi": 0.0074932157575757575,
  "bids_meta": {
    "AcquisitionNumber": 2,
    "BidsifyVersion": "0.3.5",
    "ConversionSoftware": "dcm2niix",
    "ConversionSoftwareVersion": "v1.0.20181125  GCC6.3.0",
    "EchoTime": 0.02762,
    "EffectiveEchoSpacing": 0.0006333282667071997,
    "ImageComments": "Piop",
    "ImageOrientationPatientDICOM": [
      0.999208,
      -0.0364046,
      0.016046,
      0.038735,
      0.98223,
      -0.183639
    ],
    "Manufacturer": "Philips",
    "NumberOfVolumesDiscardedByScanner": 2,
    "ParallelAcquisitionTechnique": "SENSE",
    "ParallelReductionFactorInPlane": 2,
    "PatientPosition": "HFS",
    "PhaseEncodingDirection": "j",
    "PhilipsRescaleIntercept": 0,
    "PhilipsRescaleSlope": 0.87033,
    "PhilipsScaleSlope": 0.0873871,
    "ProtocolName": "WIPpiopfacesSENSE",
    "PulseSequenceType": "gradient echo EPI",
    "ReconMatrixPE": 80,
    "RepetitionTime": 0.75,
    "SeriesDescription": "ImageMRSERIES",
    "SeriesNumber": 2,
    "SliceEncodingDirection": "k",
    "SliceTiming": [
      0.0,
      0.06755050505050506,
      0.1351010101010101,
      0.20265151515151517,
      0.2702020202020202,
      0.3377525252525253,
      0.40530303030303033,
      0.47285353535353536,
      0.5404040404040404,
      0.6079545454545455,
      0.6755050505050506,
      0.7430555555555556,
      0.0,
      0.06755050505050506,
      0.1351010101010101,
      0.20265151515151517,
      0.2702020202020202,
      0.3377525252525253,
      0.40530303030303033,
      0.47285353535353536,
      0.5404040404040404,
      0.6079545454545455,
      0.6755050505050506,
      0.7430555555555556,
      0.0,
      0.06755050505050506,
      0.1351010101010101,
      0.20265151515151517,
      0.2702020202020202,
      0.3377525252525253,
      0.40530303030303033,
      0.47285353535353536,
      0.5404040404040404,
      0.6079545454545455,
      0.6755050505050506,
      0.7430555555555556
    ],
    "TaskName": "faces",
    "TotalReadoutTime": 0.024699802401580786,
    "UsePhilipsFloatNotDisplayScaling": 1,
    "acq_id": "mb3",
    "dataset": "ds002785",
    "modality": "bold",
    "subject_id": "0085",
    "task_id": "faces"
  },
  "dummy_trs": 0,
  "dvars_nstd": 21.409802729817628,
  "dvars_std": 1.0422448128267479,
  "dvars_vstd": 0.9724764383586632,
  "efc": 0.3978869566068246,
  "fber": 217186.046875,
  "fd_mean": 0.11337947894095185,
  "fd_num": 21,
  "fd_perc": 6.363636363636363,
  "fwhm_avg": 2.1914017736383493,
  "fwhm_x": 2.26246,
  "fwhm_y": 2.35783,
  "fwhm_z": 1.9539153209150477,
  "gcor": 0.0121484,
  "gsr_x": -0.023320790380239487,
  "gsr_y": 0.0065465946681797504,
  "provenance": {
    "md5sum": "c0892cb18de0430748a75c16c5dba3c4",
    "settings": {
      "fd_thres": 0.2,
      "testing": false
    },
    "software": "mriqc",
    "version": "22.0.0rc1",
    "webapi_port": null,
    "webapi_url": "https://mriqc.nimh.nih.gov/api/v1"
  },
  "size_t": 330,
  "size_x": 80,
  "size_y": 80,
  "size_z": 36,
  "snr": 5.687000719028483,
  "spacing_tr": 0.75,
  "spacing_x": 3.0,
  "spacing_y": 3.0,
  "spacing_z": 3.299999713897705,
  "summary_bg_k": 40.92502510438116,
  "summary_bg_mad": 44.930269874744326,
  "summary_bg_mean": 422.8135070800781,
  "summary_bg_median": 37.3475341796875,
  "summary_bg_n": 162720.0,
  "summary_bg_p05": 1.422523021697999,
  "summary_bg_p95": 2113.9102294921818,
  "summary_bg_stdv": 1229.5283203125,
  "summary_fg_k": 0.7493365046670406,
  "summary_fg_mad": 2780.9331972127225,
  "summary_fg_mean": 17992.751953125,
  "summary_fg_median": 17908.13671875,
  "summary_fg_n": 27751.0,
  "summary_fg_p05": 12737.16845703125,
  "summary_fg_p95": 23275.775390625,
  "summary_fg_stdv": 3148.903076171875,
  "tsnr": 53.15866470336914
}