{
  "aor": 0.0010467000000000002,
  "aqi": 0.005597279950000001,
  "bids_meta": {
    "AcquisitionNumber": 9,
    "BidsifyVersion": "0.3.5",
    "ConversionSoftware": "dcm2niix",
    "ConversionSoftwareVersion": "v1.0.20181125  GCC6.3.0",
    "EchoTime": 0.02762,
    "EffectiveEchoSpacing": 0.0006621159151938905,
    "ImageComments": "Piop",
    "ImageOrientationPatientDICOM": [
      0.999208,
      -0.0364046,
      0.016046,
      0.038735,
      0.98223,
      -0.183639
    ],
    "Manufacturer": "Philips",
    "NumberOfVolumesDiscardedByScanner": 2,
    "ParallelAcquisitionTechnique": "SENSE",
    "ParallelReductionFactorInPlane": 2,
    "PatientPosition": "HFS",
    "PhaseEncodingDirection": "j",
    "PhilipsRescaleIntercept": 0,
    "PhilipsRescaleSlope": 0.80928,
    "PhilipsScaleSlope": 0.0569392,
    "ProtocolName": "WIPpiopanticipatieSENSE",
    "PulseSequenceType": "gradient echo EPI",
    "ReconMatrixPE": 80,
    "RepetitionTime": 2,
    "SeriesDescription": "ImageMRSERIES",
    "SeriesNumber": 9,
    "SliceEncodingDirection": "k",
    "SliceTiming": [
      0.0,
      0.0541,
      0.1081,
      0.1622,
      0.2162,
      0.2703,
      0.3243,
      0.3784,
      0.4324,
      0.4865,
      0.5405,
      0.5946,
      0.6486,
      0.7027,
      0.7568,
      0.8108,
      0.8649,
      0.9189,
      0.973,
      1.027,
      1.0811,
      1.1351,
      1.1892,
      1.2432,
      1.2973,
      1.3514,
      1.4054,
      1.4595,
      1.5135,
      1.5676,
      1.6216,
      1.6757,
      1.7297,
      1.7838,
      1.8378,
      1.8919,
      1.9459
    ],
    "TaskName": "anticipation",
    "TotalReadoutTime": 0.025822520692561732,
    "UsePhilipsFloatNotDisplayScaling": 1,
    "acq_id": "seq",
    "dataset": "ds002785",
    "modality": "bold",
    "subject_id": "0085",
    "task_id": "anticipation"
  },
  "dummy_trs": 0,
  "dvars_nstd": 22.539356020753775,
  "dvars_std": 1.2058583376381906,
  "dvars_vstd": 0.9728167530653269,
  "efc": 0.3854607047894459,
  "fber": 196808.9375,
  "fd_mean": 0.20230232077205174,
  "fd_num": 96,
  "fd_perc": 48.0,
  "fwhm_avg": 1.8756822306359098,
  "fwhm_x": 1.8679266666666667,
  "fwhm_y": 2.012286666666667,
  "fwhm_z": 1.7468333585743956,
  "gcor": 0.0110621,
  "gsr_x": -0.01957537606358528,
  "gsr_y": 0.010803299024701118,
  "provenance": {
    "md5sum": "b272849153a81e2484b7f874a53f44c4",
    "settings": {
      "fd_thres": 0.2,
      "testing": false
    },
    "software": "mriqc",
    "version": "22.0.0rc1",
    "webapi_port": null,
    "webapi_url": "https://mriqc.nimh.nih.gov/api/v1"
  },
  "size_t": 200,
  "size_x": 80,
  "size_y": 80,
  "size_z": 37,
  "snr": 5.0400720138608115,
  "spacing_tr": 2.0,
  "spacing_x": 3.0,
  "spacing_y": 3.0,
  "spacing_z": 3.299999952316284,
  "summary_bg_k": 72.29356495466018,
  "summary_bg_mad": 62.34729064120703,
  "summary_bg_mean": 541.6168823242188,
  "summary_bg_median": 54.15977478027344,
  "summary_bg_n": 168461.0,
  "summary_bg_p05": 2.6859734058380127,
  "summary_bg_p95": 2588.05224609375,
  "summary_bg_stdv": 1743.5802001953125,
  "summary_fg_k": 1.5358456777964697,
  "summary_fg_mad": 4306.3368676553,
  "summary_fg_mean": 25416.689453125,
  "summary_fg_median": 24782.798828125,
  "summary_fg_n": 28013.0,
  "summary_fg_p05": 18298.251171875,
  "summary_fg_p95": 34115.2421875,
  "summary_fg_stdv": 4917.06396484375,
  "tsnr": 68.08918762207031
}