{
  "aor": 0.0021974285714285715,
  "aqi": 0.007937089469387756,
  "bids_meta": {
    "AcquisitionNumber": 3,
    "BidsifyVersion": "0.3.5",
    "ConversionSoftware": "dcm2niix",
    "ConversionSoftwareVersion": "v1.0.20181125  GCC6.3.0",
    "EchoTime": 0.02762,
    "EffectiveEchoSpacing": 0.0006621159151938905,
    "ImageComments": "Piop",
    "ImageOrientationPatientDICOM": [
      0.999208,
      -0.0364046,
      0.016046,
      0.038735,
      0.98223,
      -0.183639
    ],
    "Manufacturer": "Philips",
    "NumberOfVolumesDiscardedByScanner": 2,
    "ParallelAcquisitionTechnique": "SENSE",
    "ParallelReductionFactorInPlane": 2,
    "PatientPosition": "HFS",
    "PhaseEncodingDirection": "j",
    "PhilipsRescaleIntercept": 0,
    "PhilipsRescaleSlope": 0.81197,
    "PhilipsScaleSlope": 0.0567281,
    "ProtocolName": "WIPpiopgstroopSENSE",
    "PulseSequenceType": "gradient echo EPI",
    "ReconMatrixPE": 80,
    "RepetitionTime": 2,
    "SeriesDescription": "ImageMRSERIES",
    "SeriesNumber": 3,
    "SliceEncodingDirection": "k",
    "SliceTiming": [
      0.0,
      0.0541,
      0.1081,
      0.1622,
      0.2162,
      0.2703,
      0.3243,
      0.3784,
      0.4324,
      0.4865,
      0.5405,
      0.5946,
      0.6486,
      0.7027,
      0.7568,
      0.8108,
      0.8649,
      0.9189,
      0.973,
      1.027,
      1.0811,
      1.1351,
      1.1892,
      1.2432,
      1.2973,
      1.3514,
      1.4054,
      1.4595,
      1.5135,
      1.5676,
      1.6216,
      1.6757,
      1.7297,
      1.7838,
      1.8378,
      1.8919,
      1.9459
    ],
    "TaskName": "gstroop",
    "TotalReadoutTime": 0.025822520692561732,
    "UsePhilipsFloatNotDisplayScaling": 1,
    "acq_id": "seq",
    "dataset": "ds002785",
    "modality": "bold",
    "subject_id": "0085",
    "task_id": "gstroop"
  },
  "dummy_trs": 0,
  "dvars_nstd": 18.996748103155742,
  "dvars_std": 1.1365392191803267,
  "dvars_vstd": 0.9660392363934422,
  "efc": 0.3879028728713639,
  "fber": 185559.78125,
  "fd_mean": 0.11913804435665651,
  "fd_num": 23,
  "fd_perc": 9.387755102040817,
  "fwhm_avg": 1.8590274829815492,
  "fwhm_x": 1.8522066666666666,
  "fwhm_y": 2.0153333333333334,
  "fwhm_z": 1.7095424489446474,
  "gcor": 0.0103499,
  "gsr_x": -0.020199250429868698,
  "gsr_y": 0.011026567779481411,
  "provenance": {
    "md5sum": "c8bb4669ac2217aa6b959c867f5c5431",
    "settings": {
      "fd_thres": 0.2,
      "testing": false
    },
    "software": "mriqc",
    "version": "22.0.0rc1",
    "webapi_port": null,
    "webapi_url": "https://mriqc.nimh.nih.gov/api/v1"
  },
  "size_t": 245,
  "size_x": 80,
  "size_y": 80,
  "size_z": 37,
  "snr": 5.115102087953423,
  "spacing_tr": 2.0,
  "spacing_x": 3.0,
  "spacing_y": 3.0,
  "spacing_z": 3.299999952316284,
  "summary_bg_k": 73.1387037816516,
  "summary_bg_mad": 66.69504410001886,
  "summary_bg_mean": 552.792724609375,
  "summary_bg_median": 55.84904861450195,
  "summary_bg_n": 168123.0,
  "summary_bg_p05": 2.7556812047958377,
  "summary_bg_p95": 2601.823339843746,
  "summary_bg_stdv": 1797.0927734375,
  "summary_fg_k": 1.6447405528266366,
  "summary_fg_mad": 4244.151549994347,
  "summary_fg_mean": 25386.15625,
  "summary_fg_median": 24765.29296875,
  "summary_fg_n": 28220.0,
  "summary_fg_p05": 18450.74951171875,
  "summary_fg_p95": 33930.6185546875,
  "summary_fg_stdv": 4841.51708984375,
  "tsnr": 59.30727005004883
}