{
  "aor": 0.00028748427672955975,
  "aqi": 0.009925281509433963,
  "bids_meta": {
    "AcquisitionNumber": 6,
    "BidsifyVersion": "0.3.5",
    "ConversionSoftware": "dcm2niix",
    "ConversionSoftwareVersion": "v1.0.20181125  GCC6.3.0",
    "EchoTime": 0.02762,
    "EffectiveEchoSpacing": 0.0006333282667071997,
    "ImageComments": "Piop",
    "ImageOrientationPatientDICOM": [
      0.999208,
      -0.0364046,
      0.016046,
      0.038735,
      0.98223,
      -0.183639
    ],
    "Manufacturer": "Philips",
    "NumberOfVolumesDiscardedByScanner": 2,
    "ParallelAcquisitionTechnique": "SENSE",
    "ParallelReductionFactorInPlane": 2,
    "PatientPosition": "HFS",
    "PhaseEncodingDirection": "j",
    "PhilipsRescaleIntercept": 0,
    "PhilipsRescaleSlope": 0.76166,
    "PhilipsScaleSlope": 0.0989258,
    "ProtocolName": "WIPpioprsSENSE",
    "PulseSequenceType": "gradient echo EPI",
    "ReconMatrixPE": 80,
    "RepetitionTime": 0.75,
    "SeriesDescription": "ImageMRSERIES",
    "SeriesNumber": 6,
    "SliceEncodingDirection": "k",
    "SliceTiming": [
      0.0,
      0.06755050505050506,
      0.1351010101010101,
      0.20265151515151517,
      0.2702020202020202,
      0.3377525252525253,
      0.40530303030303033,
      0.47285353535353536,
      0.5404040404040404,
      0.6079545454545455,
      0.6755050505050506,
      0.7430555555555556,
      0.0,
      0.06755050505050506,
      0.1351010101010101,
      0.20265151515151517,
      0.2702020202020202,
      0.3377525252525253,
      0.40530303030303033,
      0.47285353535353536,
      0.5404040404040404,
      0.6079545454545455,
      0.6755050505050506,
      0.7430555555555556,
      0.0,
      0.06755050505050506,
      0.1351010101010101,
      0.20265151515151517,
      0.2702020202020202,
      0.3377525252525253,
      0.40530303030303033,
      0.47285353535353536,
      0.5404040404040404,
      0.6079545454545455,
      0.6755050505050506,
      0.7430555555555556
    ],
    "TaskName": "restingstate",
    "TotalReadoutTime": 0.024699802401580786,
    "UsePhilipsFloatNotDisplayScaling": 1,
    "acq_id": "mb3",
    "dataset": "ds002785",
    "modality": "bold",
    "subject_id": "0085",
    "task_id": "restingstate"
  },
  "dummy_trs": 3,
  "dvars_nstd": 23.87249554298318,
  "dvars_std": 1.0234997280042017,
  "dvars_vstd": 0.969935052668068,
  "efc": 0.39458068871680047,
  "fber": 204233.546875,
  "fd_mean": 0.09410045141835899,
  "fd_num": 13,
  "fd_perc": 2.7253668763102725,
  "fwhm_avg": 1.9802964734121096,
  "fwhm_x": 2.0069333333333335,
  "fwhm_y": 2.11405,
  "fwhm_z": 1.8199060869029955,
  "gcor": 0.0146446,
  "gsr_x": -0.022005558013916016,
  "gsr_y": 0.0069829681888222694,
  "provenance": {
    "md5sum": "7a1fb67ce7cc77c8a511f05612ae60c5",
    "settings": {
      "fd_thres": 0.2,
      "testing": false
    },
    "software": "mriqc",
    "version": "22.0.0rc1",
    "webapi_port": null,
    "webapi_url": "https://mriqc.nimh.nih.gov/api/v1"
  },
  "size_t": 477,
  "size_x": 80,
  "size_y": 80,
  "size_z": 36,
  "snr": 5.743150584479603,
  "spacing_tr": 0.75,
  "spacing_x": 3.0,
  "spacing_y": 3.0,
  "spacing_z": 3.299999952316284,
  "summary_bg_k": 50.194421332783826,
  "summary_bg_mad": 46.12889339969242,
  "summary_bg_mean": 416.9496765136719,
  "summary_bg_median": 38.23225021362305,
  "summary_bg_n": 162867.0,
  "summary_bg_p05": 1.3810968518257143,
  "summary_bg_p95": 2083.9460205078126,
  "summary_bg_stdv": 1263.3570556640625,
  "summary_fg_k": 0.9803026965927817,
  "summary_fg_mad": 2781.2937127912455,
  "summary_fg_mean": 18069.623046875,
  "summary_fg_median": 17963.748046875,
  "summary_fg_n": 27588.0,
  "summary_fg_p05": 12999.451513671875,
  "summary_fg_p95": 23353.06142578125,
  "summary_fg_stdv": 3127.79931640625,
  "tsnr": 47.4552001953125
}