{
  "bids_meta": {
    "AcquisitionNumber": 4,
    "BidsifyVersion": "0.3.5",
    "ConversionSoftware": "dcm2niix",
    "ConversionSoftwareVersion": "v1.0.20181125  GCC6.3.0",
    "EchoTime": 0.00373,
    "ImageComments": "Piop",
    "ImageOrientationPatientDICOM": [
      0.998857,
      -0.0342348,
      0.0333529,
      0.0354045,
      0.998755,
      -0.0351355
    ],
    "Manufacturer": "Philips",
    "PatientPosition": "HFS",
    "PhilipsRescaleIntercept": 0,
    "PhilipsRescaleSlope": 9.10061,
    "PhilipsScaleSlope": 0.00722991,
    "ProtocolName": "WIPt13dSENSE",
    "ReconMatrixPE": 240,
    "RepetitionTime": 0.008152,
    "SeriesDescription": "ImageMRSERIES",
    "SeriesNumber": 4,
    "UsePhilipsFloatNotDisplayScaling": 1,
    "dataset": "ds002785",
    "modality": "T1w",
    "subject_id": "0182"
  },
  "cjv": 0.330008765146314,
  "cnr": 3.8340369362983364,
  "efc": 0.7487866878482202,
  "fber": 869.674072265625,
  "fwhm_avg": 3.680883189557808,
  "fwhm_x": 3.618229568673424,
  "fwhm_y": 3.82986,
  "fwhm_z": 3.59456,
  "icvs_csf": 0.2273767045890153,
  "icvs_gm": 0.38855073516911726,
  "icvs_wm": 0.3840725602418675,
  "inu_med": 1.2451084852218628,
  "inu_range": 0.3350236415863037,
  "provenance": {
    "md5sum": "e697c02a9228019bc5c383dacaf102fb",
    "settings": {
      "testing": false
    },
    "software": "mriqc",
    "version": "22.0.0rc1",
    "warnings": {
      "large_rot_frame": true,
      "small_air_mask": true
    },
    "webapi_port": null,
    "webapi_url": "https://mriqc.nimh.nih.gov/api/v1"
  },
  "qi_1": 0.0,
  "qi_2": 0.000124299016955484,
  "rpve_csf": 29.968222360011445,
  "rpve_gm": 17.371367139102944,
  "rpve_wm": 23.803229495759304,
  "size_x": 240,
  "size_y": 240,
  "size_z": 220,
  "snr_csf": 4.333031573455729,
  "snr_gm": 8.219832599736904,
  "snr_total": 11.49757314361024,
  "snr_wm": 21.939855257638087,
  "snrd_csf": 25.536634886606624,
  "snrd_gm": 44.63789985766813,
  "snrd_total": 46.354569926968736,
  "snrd_wm": 68.88917503663146,
  "spacing_x": 1.0000001192092896,
  "spacing_y": 1.0,
  "spacing_z": 1.0,
  "summary_bg_k": 102.70185233851261,
  "summary_bg_mad": 9.509810819659036,
  "summary_bg_mean": 13.668503761291504,
  "summary_bg_median": 12.783580780029297,
  "summary_bg_n": 136569.0,
  "summary_bg_p05": 0.0,
  "summary_bg_p95": 32.4378303527832,
  "summary_bg_stdv": 11.80795669555664,
  "summary_csf_k": 1.8553271748157032,
  "summary_csf_mad": 67.78222247758364,
  "summary_csf_mean": 361.9887390136719,
  "summary_csf_median": 370.6839904785156,
  "summary_csf_n": 3239.0,
  "summary_csf_p05": 197.5598587036133,
  "summary_csf_p95": 481.28260803222656,
  "summary_csf_stdv": 85.53520965576172,
  "summary_gm_k": 0.16129083634944497,
  "summary_gm_mad": 75.15691069172193,
  "summary_gm_mean": 649.048828125,
  "summary_gm_median": 647.95361328125,
  "summary_gm_n": 13047.0,
  "summary_gm_p05": 520.1011840820313,
  "summary_gm_p95": 785.5775756835938,
  "summary_gm_stdv": 78.82505798339844,
  "summary_wm_k": 1.0615212588877556,
  "summary_wm_mad": 41.014755189948595,
  "summary_wm_mean": 998.6741333007812,
  "summary_wm_median": 999.9796142578125,
  "summary_wm_n": 188604.0,
  "summary_wm_p05": 922.2460815429688,
  "summary_wm_p95": 1070.1675415039062,
  "summary_wm_stdv": 45.578102111816406,
  "tpm_overlap_csf": 0.14958377182483673,
  "tpm_overlap_gm": 0.4284133017063141,
  "tpm_overlap_wm": 0.5127905607223511,
  "wm2max": 0.7277923078176658
}