{
  "bids_meta": {
    "AcquisitionNumber": 4,
    "BidsifyVersion": "0.3.5",
    "ConversionSoftware": "dcm2niix",
    "ConversionSoftwareVersion": "v1.0.20181125  GCC6.3.0",
    "EchoTime": 0.00381,
    "ImageComments": "Piop",
    "ImageOrientationPatientDICOM": [
      0.998869,
      0.0357448,
      0.0313637,
      -0.0305182,
      0.987651,
      -0.15367
    ],
    "Manufacturer": "Philips",
    "PatientPosition": "HFS",
    "PhilipsRescaleIntercept": 0,
    "PhilipsRescaleSlope": 7.95507,
    "PhilipsScaleSlope": 0.00669035,
    "ProtocolName": "WIPt13dSENSE",
    "ReconMatrixPE": 240,
    "RepetitionTime": 0.008294,
    "SeriesDescription": "ImageMRSERIES",
    "SeriesNumber": 4,
    "UsePhilipsFloatNotDisplayScaling": 1,
    "dataset": "ds002785",
    "modality": "T1w",
    "subject_id": "0149"
  },
  "cjv": 0.35722503188121457,
  "cnr": 3.5372357387105766,
  "efc": 0.7446927637040361,
  "fber": 1852.4017333984375,
  "fwhm_avg": 3.7098199296514416,
  "fwhm_x": 3.7020295586836864,
  "fwhm_y": 3.863300230270638,
  "fwhm_z": 3.56413,
  "icvs_csf": 0.22206426912690735,
  "icvs_gm": 0.41439324578019376,
  "icvs_wm": 0.3635424850928989,
  "inu_med": 2.10746169090271,
  "inu_range": 0.6442632138729092,
  "provenance": {
    "md5sum": "bbfee690dabfc115f91b314a3a9444f5",
    "settings": {
      "testing": false
    },
    "software": "mriqc",
    "version": "22.0.0rc1",
    "warnings": {
      "large_rot_frame": true,
      "small_air_mask": false
    },
    "webapi_port": null,
    "webapi_url": "https://mriqc.nimh.nih.gov/api/v1"
  },
  "qi_1": 0.0,
  "qi_2": 5.145812338583164e-05,
  "rpve_csf": 22.871466532527037,
  "rpve_gm": 12.723738548489115,
  "rpve_wm": 18.460541898491503,
  "size_x": 240,
  "size_y": 240,
  "size_z": 220,
  "snr_csf": 2.877359108313636,
  "snr_gm": 7.301627817505395,
  "snr_total": 9.598553574367175,
  "snr_wm": 18.61667379728249,
  "snrd_csf": 22.772035232934822,
  "snrd_gm": 42.910470512001304,
  "snrd_total": 44.47950978873093,
  "snrd_wm": 67.75602362125667,
  "spacing_x": 1.0000001192092896,
  "spacing_y": 0.9999999403953552,
  "spacing_z": 1.0,
  "summary_bg_k": 5.166898484690011,
  "summary_bg_mad": 9.668996257309091,
  "summary_bg_mean": 17.51203155517578,
  "summary_bg_median": 12.02920150756836,
  "summary_bg_n": 378111.0,
  "summary_bg_p05": 0.0,
  "summary_bg_p95": 54.224592208862305,
  "summary_bg_stdv": 18.403905868530273,
  "summary_csf_k": -0.2479828422486201,
  "summary_csf_mad": 115.42038815531627,
  "summary_csf_mean": 318.6811828613281,
  "summary_csf_median": 336.08685302734375,
  "summary_csf_n": 9524.0,
  "summary_csf_p05": 105.4908042907715,
  "summary_csf_p95": 483.64549560546874,
  "summary_csf_stdv": 116.79779815673828,
  "summary_gm_k": 0.4180846051892031,
  "summary_gm_mad": 82.49847925180913,
  "summary_gm_mean": 637.752685546875,
  "summary_gm_median": 633.3050537109375,
  "summary_gm_n": 20188.0,
  "summary_gm_p05": 502.8619613647461,
  "summary_gm_p95": 788.1028381347656,
  "summary_gm_stdv": 86.73262786865234,
  "summary_wm_k": 1.0333199659079018,
  "summary_wm_mad": 48.49215052798849,
  "summary_wm_mean": 999.750244140625,
  "summary_wm_median": 999.9944458007812,
  "summary_wm_n": 240097.0,
  "summary_wm_p05": 912.0571411132812,
  "summary_wm_p95": 1086.132958984375,
  "summary_wm_stdv": 53.71487808227539,
  "tpm_overlap_csf": 0.16982777416706085,
  "tpm_overlap_gm": 0.4587419033050537,
  "tpm_overlap_wm": 0.5206241607666016,
  "wm2max": 0.6286097182434803
}