{
  "aor": 0.0007037272727272729,
  "aqi": 0.009181601242424243,
  "bids_meta": {
    "AcquisitionNumber": 2,
    "BidsifyVersion": "0.3.5",
    "ConversionSoftware": "dcm2niix",
    "ConversionSoftwareVersion": "v1.0.20181125  GCC6.3.0",
    "EchoTime": 0.02762,
    "EffectiveEchoSpacing": 0.0006333282667071997,
    "ImageComments": "piop",
    "ImageOrientationPatientDICOM": [
      0.995286,
      -0.0513242,
      0.0822928,
      0.0600025,
      0.992478,
      -0.10671
    ],
    "Manufacturer": "Philips",
    "NumberOfVolumesDiscardedByScanner": 2,
    "ParallelAcquisitionTechnique": "SENSE",
    "ParallelReductionFactorInPlane": 2,
    "PatientPosition": "HFS",
    "PhaseEncodingDirection": "j",
    "PhilipsRescaleIntercept": 0,
    "PhilipsRescaleSlope": 0.75458,
    "PhilipsScaleSlope": 0.100296,
    "ProtocolName": "WIPpiopfacesSENSE",
    "PulseSequenceType": "gradient echo EPI",
    "ReconMatrixPE": 80,
    "RepetitionTime": 0.75,
    "SeriesDescription": "ImageMRSERIES",
    "SeriesNumber": 2,
    "SliceEncodingDirection": "k",
    "SliceTiming": [
      0.0,
      0.06755050505050506,
      0.1351010101010101,
      0.20265151515151517,
      0.2702020202020202,
      0.3377525252525253,
      0.40530303030303033,
      0.47285353535353536,
      0.5404040404040404,
      0.6079545454545455,
      0.6755050505050506,
      0.7430555555555556,
      0.0,
      0.06755050505050506,
      0.1351010101010101,
      0.20265151515151517,
      0.2702020202020202,
      0.3377525252525253,
      0.40530303030303033,
      0.47285353535353536,
      0.5404040404040404,
      0.6079545454545455,
      0.6755050505050506,
      0.7430555555555556,
      0.0,
      0.06755050505050506,
      0.1351010101010101,
      0.20265151515151517,
      0.2702020202020202,
      0.3377525252525253,
      0.40530303030303033,
      0.47285353535353536,
      0.5404040404040404,
      0.6079545454545455,
      0.6755050505050506,
      0.7430555555555556
    ],
    "TaskName": "faces",
    "TotalReadoutTime": 0.024699802401580786,
    "UsePhilipsFloatNotDisplayScaling": 1,
    "acq_id": "mb3",
    "dataset": "ds002785",
    "modality": "bold",
    "subject_id": "0052",
    "task_id": "faces"
  },
  "dummy_trs": 0,
  "dvars_nstd": 27.575563830820666,
  "dvars_std": 1.1068308300607896,
  "dvars_vstd": 1.0151848739209735,
  "efc": 0.4626925094736343,
  "fber": 110618.8828125,
  "fd_mean": 0.10412713263007276,
  "fd_num": 15,
  "fd_perc": 4.545454545454546,
  "fwhm_avg": 1.8563261700202889,
  "fwhm_x": 1.8057266666666667,
  "fwhm_y": 2.018403333333333,
  "fwhm_z": 1.7448485100608668,
  "gcor": 0.0318054,
  "gsr_x": -0.020735325291752815,
  "gsr_y": 0.023828348144888878,
  "provenance": {
    "md5sum": "041b18d3352a3840fea1ea666254bad3",
    "settings": {
      "fd_thres": 0.2,
      "testing": false
    },
    "software": "mriqc",
    "version": "22.0.0rc1",
    "webapi_port": null,
    "webapi_url": "https://mriqc.nimh.nih.gov/api/v1"
  },
  "size_t": 330,
  "size_x": 80,
  "size_y": 80,
  "size_z": 36,
  "snr": 6.216359067343332,
  "spacing_tr": 0.75,
  "spacing_x": 3.0,
  "spacing_y": 3.0,
  "spacing_z": 3.299999952316284,
  "summary_bg_k": 43.75510128728901,
  "summary_bg_mad": 57.81988596466648,
  "summary_bg_mean": 415.58966064453125,
  "summary_bg_median": 50.665855407714844,
  "summary_bg_n": 147790.0,
  "summary_bg_p05": 3.3666505455970777,
  "summary_bg_p95": 2169.432519531248,
  "summary_bg_stdv": 1070.7724609375,
  "summary_fg_k": 0.7357847456194411,
  "summary_fg_mad": 2668.301759925625,
  "summary_fg_mean": 17400.34375,
  "summary_fg_median": 17300.87109375,
  "summary_fg_n": 40684.0,
  "summary_fg_p05": 13001.838916015626,
  "summary_fg_p95": 21994.12861328125,
  "summary_fg_stdv": 2783.08544921875,
  "tsnr": 51.18889617919922
}