{
  "aor": 0.01663074074074074,
  "aqi": 0.01710052901234568,
  "bids_meta": {
    "AcquisitionNumber": 8,
    "BidsifyVersion": "0.3.5",
    "ConversionSoftware": "dcm2niix",
    "ConversionSoftwareVersion": "v1.0.20181125  GCC6.3.0",
    "EchoTime": 0.02762,
    "EffectiveEchoSpacing": 0.0006621159151938905,
    "ImageComments": "piop",
    "ImageOrientationPatientDICOM": [
      0.995286,
      -0.0513242,
      0.0822928,
      0.0600025,
      0.992478,
      -0.10671
    ],
    "Manufacturer": "Philips",
    "NumberOfVolumesDiscardedByScanner": 2,
    "ParallelAcquisitionTechnique": "SENSE",
    "ParallelReductionFactorInPlane": 2,
    "PatientPosition": "HFS",
    "PhaseEncodingDirection": "j",
    "PhilipsRescaleIntercept": 0,
    "PhilipsRescaleSlope": 0.80586,
    "PhilipsScaleSlope": 0.0631947,
    "ProtocolName": "WIPpiopwmSENSE",
    "PulseSequenceType": "gradient echo EPI",
    "ReconMatrixPE": 80,
    "RepetitionTime": 2,
    "SeriesDescription": "ImageMRSERIES",
    "SeriesNumber": 8,
    "SliceEncodingDirection": "k",
    "SliceTiming": [
      0.0,
      0.0541,
      0.1081,
      0.1622,
      0.2162,
      0.2703,
      0.3243,
      0.3784,
      0.4324,
      0.4865,
      0.5405,
      0.5946,
      0.6486,
      0.7027,
      0.7568,
      0.8108,
      0.8649,
      0.9189,
      0.973,
      1.027,
      1.0811,
      1.1351,
      1.1892,
      1.2432,
      1.2973,
      1.3514,
      1.4054,
      1.4595,
      1.5135,
      1.5676,
      1.6216,
      1.6757,
      1.7297,
      1.7838,
      1.8378,
      1.8919,
      1.9459
    ],
    "TaskName": "workingmemory",
    "TotalReadoutTime": 0.025822520692561732,
    "UsePhilipsFloatNotDisplayScaling": 1,
    "acq_id": "seq",
    "dataset": "ds002785",
    "modality": "bold",
    "subject_id": "0052",
    "task_id": "workingmemory"
  },
  "dummy_trs": 0,
  "dvars_nstd": 29.329936791863368,
  "dvars_std": 1.2056110509316773,
  "dvars_vstd": 1.0678944934782606,
  "efc": 0.4532529036314217,
  "fber": 104448.859375,
  "fd_mean": 0.29143610540954606,
  "fd_num": 59,
  "fd_perc": 36.41975308641975,
  "fwhm_avg": 1.8665893013846653,
  "fwhm_x": 1.79316,
  "fwhm_y": 2.05112,
  "fwhm_z": 1.755487904153996,
  "gcor": 0.022399,
  "gsr_x": -0.016564834862947464,
  "gsr_y": 0.02496500127017498,
  "provenance": {
    "md5sum": "46ffb476c6be11fcab9ed6183b66879e",
    "settings": {
      "fd_thres": 0.2,
      "testing": false
    },
    "software": "mriqc",
    "version": "22.0.0rc1",
    "webapi_port": null,
    "webapi_url": "https://mriqc.nimh.nih.gov/api/v1"
  },
  "size_t": 162,
  "size_x": 80,
  "size_y": 80,
  "size_z": 37,
  "snr": 5.064875879473584,
  "spacing_tr": 2.0,
  "spacing_x": 3.0,
  "spacing_y": 3.0,
  "spacing_z": 3.299999952316284,
  "summary_bg_k": 63.43075564521659,
  "summary_bg_mad": 68.25513901317859,
  "summary_bg_mean": 496.2331237792969,
  "summary_bg_median": 65.371826171875,
  "summary_bg_n": 152806.0,
  "summary_bg_p05": 6.72210955619812,
  "summary_bg_p95": 2613.5992431640625,
  "summary_bg_stdv": 1364.576171875,
  "summary_fg_k": 1.7434253161107804,
  "summary_fg_mad": 3961.5724898498574,
  "summary_fg_mean": 22279.5,
  "summary_fg_median": 21766.306640625,
  "summary_fg_n": 41116.0,
  "summary_fg_p05": 16094.3291015625,
  "summary_fg_p95": 29568.97412109375,
  "summary_fg_stdv": 4297.4482421875,
  "tsnr": 41.43090057373047
}