{
  "aor": 0.0010060408163265306,
  "aqi": 0.004723286,
  "bids_meta": {
    "AcquisitionNumber": 3,
    "BidsifyVersion": "0.3.5",
    "ConversionSoftware": "dcm2niix",
    "ConversionSoftwareVersion": "v1.0.20181125  GCC6.3.0",
    "EchoTime": 0.02762,
    "EffectiveEchoSpacing": 0.0006621159151938905,
    "ImageComments": "piop",
    "ImageOrientationPatientDICOM": [
      0.99903,
      0.0384705,
      -0.0214073,
      -0.0423958,
      0.971735,
      -0.232237
    ],
    "Manufacturer": "Philips",
    "NumberOfVolumesDiscardedByScanner": 2,
    "ParallelAcquisitionTechnique": "SENSE",
    "ParallelReductionFactorInPlane": 2,
    "PatientPosition": "HFS",
    "PhaseEncodingDirection": "j",
    "PhilipsRescaleIntercept": 0,
    "PhilipsRescaleSlope": 0.75702,
    "PhilipsScaleSlope": 0.0547278,
    "ProtocolName": "WIPpiopgstroopSENSE",
    "PulseSequenceType": "gradient echo EPI",
    "ReconMatrixPE": 80,
    "RepetitionTime": 2,
    "SeriesDescription": "ImageMRSERIES",
    "SeriesNumber": 3,
    "SliceEncodingDirection": "k",
    "SliceTiming": [
      0.0,
      0.0541,
      0.1081,
      0.1622,
      0.2162,
      0.2703,
      0.3243,
      0.3784,
      0.4324,
      0.4865,
      0.5405,
      0.5946,
      0.6486,
      0.7027,
      0.7568,
      0.8108,
      0.8649,
      0.9189,
      0.973,
      1.027,
      1.0811,
      1.1351,
      1.1892,
      1.2432,
      1.2973,
      1.3514,
      1.4054,
      1.4595,
      1.5135,
      1.5676,
      1.6216,
      1.6757,
      1.7297,
      1.7838,
      1.8378,
      1.8919,
      1.9459
    ],
    "TaskName": "gstroop",
    "TotalReadoutTime": 0.025822520692561732,
    "UsePhilipsFloatNotDisplayScaling": 1,
    "acq_id": "seq",
    "dataset": "ds002785",
    "modality": "bold",
    "subject_id": "0197",
    "task_id": "gstroop"
  },
  "dummy_trs": 0,
  "dvars_nstd": 22.861259100778703,
  "dvars_std": 1.197719190122951,
  "dvars_vstd": 0.9745708760245905,
  "efc": 0.42277193938617874,
  "fber": 149670.546875,
  "fd_mean": 0.09072487259818426,
  "fd_num": 13,
  "fd_perc": 5.3061224489795915,
  "fwhm_avg": 1.9394450598480812,
  "fwhm_x": 1.81358,
  "fwhm_y": 2.064973333333333,
  "fwhm_z": 1.9397818462109109,
  "gcor": 0.0133379,
  "gsr_x": -0.027969839051365852,
  "gsr_y": 0.022680485621094704,
  "provenance": {
    "md5sum": "63fd5e120f6a6f1606a54826d4f1fc9b",
    "settings": {
      "fd_thres": 0.2,
      "testing": false
    },
    "software": "mriqc",
    "version": "22.0.0rc1",
    "webapi_port": null,
    "webapi_url": "https://mriqc.nimh.nih.gov/api/v1"
  },
  "size_t": 245,
  "size_x": 80,
  "size_y": 80,
  "size_z": 37,
  "snr": 4.159673768036618,
  "spacing_tr": 2.0,
  "spacing_x": 3.0,
  "spacing_y": 3.0,
  "spacing_z": 3.299999952316284,
  "summary_bg_k": 115.47552163628905,
  "summary_bg_mad": 58.30120401086472,
  "summary_bg_mean": 534.1744995117188,
  "summary_bg_median": 60.19522476196289,
  "summary_bg_n": 159456.0,
  "summary_bg_p05": 4.749571800231934,
  "summary_bg_p95": 2520.1439208984375,
  "summary_bg_stdv": 1798.6304931640625,
  "summary_fg_k": 1.6246275746543333,
  "summary_fg_mad": 4920.803094539421,
  "summary_fg_mean": 24821.580078125,
  "summary_fg_median": 23851.119140625,
  "summary_fg_n": 36853.0,
  "summary_fg_p05": 17465.10625,
  "summary_fg_p95": 36126.18984375,
  "summary_fg_stdv": 5733.81396484375,
  "tsnr": 73.38044738769531
}