{
  "aor": 0.0016264,
  "aqi": 0.0056161726,
  "bids_meta": {
    "AcquisitionNumber": 9,
    "BidsifyVersion": "0.3.5",
    "ConversionSoftware": "dcm2niix",
    "ConversionSoftwareVersion": "v1.0.20181125  GCC6.3.0",
    "EchoTime": 0.02762,
    "EffectiveEchoSpacing": 0.0006621159151938905,
    "ImageComments": "piop",
    "ImageOrientationPatientDICOM": [
      0.99903,
      0.0384705,
      -0.0214073,
      -0.0423958,
      0.971735,
      -0.232237
    ],
    "Manufacturer": "Philips",
    "NumberOfVolumesDiscardedByScanner": 2,
    "ParallelAcquisitionTechnique": "SENSE",
    "ParallelReductionFactorInPlane": 2,
    "PatientPosition": "HFS",
    "PhaseEncodingDirection": "j",
    "PhilipsRescaleIntercept": 0,
    "PhilipsRescaleSlope": 0.75629,
    "PhilipsScaleSlope": 0.0550856,
    "ProtocolName": "WIPpiopanticipatieSENSE",
    "PulseSequenceType": "gradient echo EPI",
    "ReconMatrixPE": 80,
    "RepetitionTime": 2,
    "SeriesDescription": "ImageMRSERIES",
    "SeriesNumber": 9,
    "SliceEncodingDirection": "k",
    "SliceTiming": [
      0.0,
      0.0541,
      0.1081,
      0.1622,
      0.2162,
      0.2703,
      0.3243,
      0.3784,
      0.4324,
      0.4865,
      0.5405,
      0.5946,
      0.6486,
      0.7027,
      0.7568,
      0.8108,
      0.8649,
      0.9189,
      0.973,
      1.027,
      1.0811,
      1.1351,
      1.1892,
      1.2432,
      1.2973,
      1.3514,
      1.4054,
      1.4595,
      1.5135,
      1.5676,
      1.6216,
      1.6757,
      1.7297,
      1.7838,
      1.8378,
      1.8919,
      1.9459
    ],
    "TaskName": "anticipation",
    "TotalReadoutTime": 0.025822520692561732,
    "UsePhilipsFloatNotDisplayScaling": 1,
    "acq_id": "seq",
    "dataset": "ds002785",
    "modality": "bold",
    "subject_id": "0197",
    "task_id": "anticipation"
  },
  "dummy_trs": 0,
  "dvars_nstd": 24.33951880110555,
  "dvars_std": 1.1621571331658296,
  "dvars_vstd": 0.9646990367839202,
  "efc": 0.4236609440294321,
  "fber": 151142.1875,
  "fd_mean": 0.1429857877663469,
  "fd_num": 33,
  "fd_perc": 16.5,
  "fwhm_avg": 1.9637421306360114,
  "fwhm_x": 1.8352866666666667,
  "fwhm_y": 2.09937,
  "fwhm_z": 1.9565697252413683,
  "gcor": 0.0224659,
  "gsr_x": -0.028394468128681183,
  "gsr_y": 0.02372789941728115,
  "provenance": {
    "md5sum": "12a3991ae81de5d8c7f99e9710439c94",
    "settings": {
      "fd_thres": 0.2,
      "testing": false
    },
    "software": "mriqc",
    "version": "22.0.0rc1",
    "webapi_port": null,
    "webapi_url": "https://mriqc.nimh.nih.gov/api/v1"
  },
  "size_t": 200,
  "size_x": 80,
  "size_y": 80,
  "size_z": 37,
  "snr": 4.043252490960847,
  "spacing_tr": 2.0,
  "spacing_x": 3.0,
  "spacing_y": 3.0,
  "spacing_z": 3.299999952316284,
  "summary_bg_k": 108.54528376438637,
  "summary_bg_mad": 57.52421415554364,
  "summary_bg_mean": 540.4043579101562,
  "summary_bg_median": 59.39190673828125,
  "summary_bg_n": 159314.0,
  "summary_bg_p05": 4.457555079460144,
  "summary_bg_p95": 2609.4444824218767,
  "summary_bg_stdv": 1771.03466796875,
  "summary_fg_k": 1.76997555409518,
  "summary_fg_mad": 4984.830082143674,
  "summary_fg_mean": 24717.009765625,
  "summary_fg_median": 23674.712890625,
  "summary_fg_n": 36929.0,
  "summary_fg_p05": 17283.751953125,
  "summary_fg_p95": 36210.44375,
  "summary_fg_stdv": 5855.2841796875,
  "tsnr": 65.87763214111328
}