{
  "aor": 0.00728679012345679,
  "aqi": 0.004944895864197531,
  "bids_meta": {
    "AcquisitionNumber": 8,
    "BidsifyVersion": "0.3.5",
    "ConversionSoftware": "dcm2niix",
    "ConversionSoftwareVersion": "v1.0.20181125  GCC6.3.0",
    "EchoTime": 0.02762,
    "EffectiveEchoSpacing": 0.0006621159151938905,
    "ImageComments": "piop",
    "ImageOrientationPatientDICOM": [
      0.99903,
      0.0384705,
      -0.0214073,
      -0.0423958,
      0.971735,
      -0.232237
    ],
    "Manufacturer": "Philips",
    "NumberOfVolumesDiscardedByScanner": 2,
    "ParallelAcquisitionTechnique": "SENSE",
    "ParallelReductionFactorInPlane": 2,
    "PatientPosition": "HFS",
    "PhaseEncodingDirection": "j",
    "PhilipsRescaleIntercept": 0,
    "PhilipsRescaleSlope": 0.75165,
    "PhilipsScaleSlope": 0.0558472,
    "ProtocolName": "WIPpiopwmSENSE",
    "PulseSequenceType": "gradient echo EPI",
    "ReconMatrixPE": 80,
    "RepetitionTime": 2,
    "SeriesDescription": "ImageMRSERIES",
    "SeriesNumber": 8,
    "SliceEncodingDirection": "k",
    "SliceTiming": [
      0.0,
      0.0541,
      0.1081,
      0.1622,
      0.2162,
      0.2703,
      0.3243,
      0.3784,
      0.4324,
      0.4865,
      0.5405,
      0.5946,
      0.6486,
      0.7027,
      0.7568,
      0.8108,
      0.8649,
      0.9189,
      0.973,
      1.027,
      1.0811,
      1.1351,
      1.1892,
      1.2432,
      1.2973,
      1.3514,
      1.4054,
      1.4595,
      1.5135,
      1.5676,
      1.6216,
      1.6757,
      1.7297,
      1.7838,
      1.8378,
      1.8919,
      1.9459
    ],
    "TaskName": "workingmemory",
    "TotalReadoutTime": 0.025822520692561732,
    "UsePhilipsFloatNotDisplayScaling": 1,
    "acq_id": "seq",
    "dataset": "ds002785",
    "modality": "bold",
    "subject_id": "0197",
    "task_id": "workingmemory"
  },
  "dummy_trs": 0,
  "dvars_nstd": 24.900708133105592,
  "dvars_std": 1.2715107388198759,
  "dvars_vstd": 1.0361844760248444,
  "efc": 0.4229409183789314,
  "fber": 149917.171875,
  "fd_mean": 0.14156352459663074,
  "fd_num": 13,
  "fd_perc": 8.024691358024691,
  "fwhm_avg": 1.9743069792092653,
  "fwhm_x": 1.8404433333333332,
  "fwhm_y": 2.107553333333333,
  "fwhm_z": 1.9749242709611294,
  "gcor": 0.0190654,
  "gsr_x": -0.028053656220436096,
  "gsr_y": 0.022291744127869606,
  "provenance": {
    "md5sum": "90b96433d0be2fe9cd41b42443d80dea",
    "settings": {
      "fd_thres": 0.2,
      "testing": false
    },
    "software": "mriqc",
    "version": "22.0.0rc1",
    "webapi_port": null,
    "webapi_url": "https://mriqc.nimh.nih.gov/api/v1"
  },
  "size_t": 162,
  "size_x": 80,
  "size_y": 80,
  "size_z": 37,
  "snr": 4.051743295718372,
  "spacing_tr": 2.0,
  "spacing_x": 3.0,
  "spacing_y": 3.0,
  "spacing_z": 3.299999952316284,
  "summary_bg_k": 102.51211739636287,
  "summary_bg_mad": 58.393501858249756,
  "summary_bg_mean": 539.84619140625,
  "summary_bg_median": 59.91476058959961,
  "summary_bg_n": 159419.0,
  "summary_bg_p05": 5.212591123580933,
  "summary_bg_p95": 2572.386132812502,
  "summary_bg_stdv": 1772.0242919921875,
  "summary_fg_k": 1.7207194689294116,
  "summary_fg_mad": 5030.9369841439775,
  "summary_fg_mean": 24692.041015625,
  "summary_fg_median": 23705.927734375,
  "summary_fg_n": 36900.0,
  "summary_fg_p05": 17227.47080078125,
  "summary_fg_p95": 36195.9919921875,
  "summary_fg_stdv": 5850.7177734375,
  "tsnr": 65.79689025878906
}