{
  "aor": 0.0004085365853658537,
  "aqi": 0.004792157347560976,
  "bids_meta": {
    "AcquisitionNumber": 2,
    "BidsifyVersion": "0.3.5",
    "ConversionSoftware": "dcm2niix",
    "ConversionSoftwareVersion": "v1.0.20181125  GCC6.3.0",
    "EchoTime": 0.02762,
    "EffectiveEchoSpacing": 0.0006333282667071997,
    "ImageComments": "piop",
    "ImageOrientationPatientDICOM": [
      0.999089,
      0.035474,
      -0.0237384,
      -0.0410008,
      0.95222,
      -0.302649
    ],
    "Manufacturer": "Philips",
    "NumberOfVolumesDiscardedByScanner": 2,
    "ParallelAcquisitionTechnique": "SENSE",
    "ParallelReductionFactorInPlane": 2,
    "PatientPosition": "HFS",
    "PhaseEncodingDirection": "j",
    "PhilipsRescaleIntercept": 0,
    "PhilipsRescaleSlope": 0.75775,
    "PhilipsScaleSlope": 0.0904985,
    "ProtocolName": "WIPpiopfacesSENSE",
    "PulseSequenceType": "gradient echo EPI",
    "ReconMatrixPE": 80,
    "RepetitionTime": 0.75,
    "SeriesDescription": "ImageMRSERIES",
    "SeriesNumber": 2,
    "SliceEncodingDirection": "k",
    "SliceTiming": [
      0.0,
      0.06755050505050506,
      0.1351010101010101,
      0.20265151515151517,
      0.2702020202020202,
      0.3377525252525253,
      0.40530303030303033,
      0.47285353535353536,
      0.5404040404040404,
      0.6079545454545455,
      0.6755050505050506,
      0.7430555555555556,
      0.0,
      0.06755050505050506,
      0.1351010101010101,
      0.20265151515151517,
      0.2702020202020202,
      0.3377525252525253,
      0.40530303030303033,
      0.47285353535353536,
      0.5404040404040404,
      0.6079545454545455,
      0.6755050505050506,
      0.7430555555555556,
      0.0,
      0.06755050505050506,
      0.1351010101010101,
      0.20265151515151517,
      0.2702020202020202,
      0.3377525252525253,
      0.40530303030303033,
      0.47285353535353536,
      0.5404040404040404,
      0.6079545454545455,
      0.6755050505050506,
      0.7430555555555556
    ],
    "TaskName": "faces",
    "TotalReadoutTime": 0.024699802401580786,
    "UsePhilipsFloatNotDisplayScaling": 1,
    "acq_id": "mb3",
    "dataset": "ds002785",
    "modality": "bold",
    "subject_id": "0197",
    "task_id": "faces"
  },
  "dummy_trs": 2,
  "dvars_nstd": 25.30740796828746,
  "dvars_std": 1.079686702905199,
  "dvars_vstd": 0.9994458300917428,
  "efc": 0.42910582187922097,
  "fber": 139982.359375,
  "fd_mean": 0.11564691909374025,
  "fd_num": 19,
  "fd_perc": 5.7926829268292686,
  "fwhm_avg": 2.1068826362098405,
  "fwhm_x": 2.0235933333333334,
  "fwhm_y": 2.2318333333333333,
  "fwhm_z": 2.0652212419628553,
  "gcor": 0.00835361,
  "gsr_x": -0.029749542474746704,
  "gsr_y": 0.02337479032576084,
  "provenance": {
    "md5sum": "94aeb5405a23473e78335243d75d1b4c",
    "settings": {
      "fd_thres": 0.2,
      "testing": false
    },
    "software": "mriqc",
    "version": "22.0.0rc1",
    "webapi_port": null,
    "webapi_url": "https://mriqc.nimh.nih.gov/api/v1"
  },
  "size_t": 328,
  "size_x": 80,
  "size_y": 80,
  "size_z": 36,
  "snr": 4.72540357513972,
  "spacing_tr": 0.75,
  "spacing_x": 3.0,
  "spacing_y": 3.0,
  "spacing_z": 3.299999952316284,
  "summary_bg_k": 60.49785484930893,
  "summary_bg_mad": 44.1350899430329,
  "summary_bg_mean": 359.6244201660156,
  "summary_bg_median": 42.53086471557617,
  "summary_bg_n": 154552.0,
  "summary_bg_p05": 2.3722959876060488,
  "summary_bg_p95": 1717.737200927731,
  "summary_bg_stdv": 1088.0806884765625,
  "summary_fg_k": 0.32675264543799054,
  "summary_fg_mad": 3374.0747104491293,
  "summary_fg_mean": 16555.419921875,
  "summary_fg_median": 16322.30859375,
  "summary_fg_n": 36130.0,
  "summary_fg_p05": 11380.519970703124,
  "summary_fg_p95": 22601.1044921875,
  "summary_fg_stdv": 3454.114013671875,
  "tsnr": 54.706016540527344
}