{
  "aor": 0.0025851111111111105,
  "aqi": 0.002749824518518518,
  "bids_meta": {
    "AcquisitionNumber": 5,
    "BidsifyVersion": "0.3.5",
    "ConversionSoftware": "dcm2niix",
    "ConversionSoftwareVersion": "v1.0.20181125  GCC6.3.0",
    "EchoTime": 0.02762,
    "EffectiveEchoSpacing": 0.0006621159151938905,
    "ImageComments": "piop",
    "ImageOrientationPatientDICOM": [
      0.99903,
      0.0384705,
      -0.0214073,
      -0.0423958,
      0.971735,
      -0.232237
    ],
    "Manufacturer": "Philips",
    "NumberOfVolumesDiscardedByScanner": 2,
    "ParallelAcquisitionTechnique": "SENSE",
    "ParallelReductionFactorInPlane": 2,
    "PatientPosition": "HFS",
    "PhaseEncodingDirection": "j",
    "PhilipsRescaleIntercept": 0,
    "PhilipsRescaleSlope": 0.76703,
    "PhilipsScaleSlope": 0.0534722,
    "ProtocolName": "WIPpiopharririSENSE",
    "PulseSequenceType": "gradient echo EPI",
    "ReconMatrixPE": 80,
    "RepetitionTime": 2,
    "SeriesDescription": "ImageMRSERIES",
    "SeriesNumber": 5,
    "SliceEncodingDirection": "k",
    "SliceTiming": [
      0.0,
      0.0541,
      0.1081,
      0.1622,
      0.2162,
      0.2703,
      0.3243,
      0.3784,
      0.4324,
      0.4865,
      0.5405,
      0.5946,
      0.6486,
      0.7027,
      0.7568,
      0.8108,
      0.8649,
      0.9189,
      0.973,
      1.027,
      1.0811,
      1.1351,
      1.1892,
      1.2432,
      1.2973,
      1.3514,
      1.4054,
      1.4595,
      1.5135,
      1.5676,
      1.6216,
      1.6757,
      1.7297,
      1.7838,
      1.8378,
      1.8919,
      1.9459
    ],
    "TaskName": "emomatching",
    "TotalReadoutTime": 0.025822520692561732,
    "UsePhilipsFloatNotDisplayScaling": 1,
    "acq_id": "seq",
    "dataset": "ds002785",
    "modality": "bold",
    "subject_id": "0197",
    "task_id": "emomatching"
  },
  "dummy_trs": 0,
  "dvars_nstd": 23.230311792462686,
  "dvars_std": 1.2934549634328358,
  "dvars_vstd": 1.0340170541791043,
  "efc": 0.42220820308718027,
  "fber": 152830.4375,
  "fd_mean": 0.1104806913391716,
  "fd_num": 11,
  "fd_perc": 8.148148148148149,
  "fwhm_avg": 1.992121019702952,
  "fwhm_x": 1.8640933333333332,
  "fwhm_y": 2.1187333333333336,
  "fwhm_z": 1.9935363924421887,
  "gcor": 0.0278671,
  "gsr_x": -0.027987513691186905,
  "gsr_y": 0.023587698116898537,
  "provenance": {
    "md5sum": "d7aeb127171ec788803feaaaecdcd222",
    "settings": {
      "fd_thres": 0.2,
      "testing": false
    },
    "software": "mriqc",
    "version": "22.0.0rc1",
    "webapi_port": null,
    "webapi_url": "https://mriqc.nimh.nih.gov/api/v1"
  },
  "size_t": 135,
  "size_x": 80,
  "size_y": 80,
  "size_z": 37,
  "snr": 3.979223305557167,
  "spacing_tr": 2.0,
  "spacing_x": 3.0,
  "spacing_y": 3.0,
  "spacing_z": 3.299999952316284,
  "summary_bg_k": 108.65123106360846,
  "summary_bg_mad": 58.17811664902373,
  "summary_bg_mean": 535.4232788085938,
  "summary_bg_median": 60.11964797973633,
  "summary_bg_n": 159361.0,
  "summary_bg_p05": 4.245354175567627,
  "summary_bg_p95": 2569.779296875,
  "summary_bg_stdv": 1772.707763671875,
  "summary_fg_k": 1.6410482097366357,
  "summary_fg_mad": 5194.265019752338,
  "summary_fg_mean": 25094.7109375,
  "summary_fg_median": 24046.912109375,
  "summary_fg_n": 36907.0,
  "summary_fg_p05": 17380.58359375,
  "summary_fg_p95": 36856.335156249996,
  "summary_fg_stdv": 6043.03515625,
  "tsnr": 81.9000244140625
}