{
  "bids_meta": {
    "AcquisitionNumber": 4,
    "BidsifyVersion": "0.3.5",
    "ConversionSoftware": "dcm2niix",
    "ConversionSoftwareVersion": "v1.0.20181125  GCC6.3.0",
    "EchoTime": 0.0038,
    "ImageComments": "PIOP",
    "ImageOrientationPatientDICOM": [
      0.999331,
      0.0365029,
      -0.00209625,
      -0.0364692,
      0.991022,
      -0.128632
    ],
    "Manufacturer": "Philips",
    "PatientPosition": "HFS",
    "PhilipsRescaleIntercept": 0,
    "PhilipsRescaleSlope": 10.0222,
    "PhilipsScaleSlope": 0.00789705,
    "ProtocolName": "WIPt13dSENSE",
    "ReconMatrixPE": 240,
    "RepetitionTime": 0.00825,
    "SeriesDescription": "ImageMRSERIES",
    "SeriesNumber": 4,
    "UsePhilipsFloatNotDisplayScaling": 1,
    "dataset": "ds002785",
    "modality": "T1w",
    "subject_id": "0093"
  },
  "cjv": 0.32578832149559606,
  "cnr": 3.819352917753856,
  "efc": 0.79419448446435,
  "fber": 291.3614807128906,
  "fwhm_avg": 3.43017,
  "fwhm_x": 3.43305,
  "fwhm_y": 3.61364,
  "fwhm_z": 3.24382,
  "icvs_csf": 0.20880024981123493,
  "icvs_gm": 0.4273068722558861,
  "icvs_wm": 0.363892877932879,
  "inu_med": 0.7739465236663818,
  "inu_range": 0.27920525968074794,
  "provenance": {
    "md5sum": "b63a6b4deca57a35a78419557f7f2933",
    "settings": {
      "testing": false
    },
    "software": "mriqc",
    "version": "22.0.0rc1",
    "warnings": {
      "large_rot_frame": true,
      "small_air_mask": true
    },
    "webapi_port": null,
    "webapi_url": "https://mriqc.nimh.nih.gov/api/v1"
  },
  "qi_1": 0.0,
  "qi_2": 0.00014678336851532334,
  "rpve_csf": 30.11343450138773,
  "rpve_gm": 15.756787965637695,
  "rpve_wm": 23.516433982461965,
  "size_x": 240,
  "size_y": 240,
  "size_z": 220,
  "snr_csf": 3.8402689105116776,
  "snr_gm": 7.657261849886163,
  "snr_total": 10.401548991901448,
  "snr_wm": 19.707116215306502,
  "snrd_csf": 22.533348997135604,
  "snrd_gm": 34.30307058203029,
  "snrd_total": 37.17182758974372,
  "snrd_wm": 54.67906319006528,
  "spacing_x": 1.0,
  "spacing_y": 1.0,
  "spacing_z": 1.0,
  "summary_bg_k": 185.17344947263308,
  "summary_bg_mad": 11.981468219356568,
  "summary_bg_mean": 18.89040184020996,
  "summary_bg_median": 16.117855072021484,
  "summary_bg_n": 118384.0,
  "summary_bg_p05": 0.0,
  "summary_bg_p95": 47.97409515380859,
  "summary_bg_stdv": 15.25568675994873,
  "summary_csf_k": 6.931963841285599,
  "summary_csf_mad": 93.9139914873255,
  "summary_csf_mean": 398.3943786621094,
  "summary_csf_median": 412.10137939453125,
  "summary_csf_n": 5127.0,
  "summary_csf_p05": 207.5112030029297,
  "summary_csf_p95": 542.698828125,
  "summary_csf_stdv": 107.30008697509766,
  "summary_gm_k": 0.4627904523850175,
  "summary_gm_mad": 75.46154816539132,
  "summary_gm_mean": 630.9457397460938,
  "summary_gm_median": 627.35205078125,
  "summary_gm_n": 15560.0,
  "summary_gm_p05": 501.14387969970704,
  "summary_gm_p95": 774.9401214599609,
  "summary_gm_stdv": 81.92639923095703,
  "summary_wm_k": 1.0669134968422167,
  "summary_wm_mad": 45.94234437491589,
  "summary_wm_mean": 997.7029418945312,
  "summary_wm_median": 999.9985961914062,
  "summary_wm_n": 178372.0,
  "summary_wm_p05": 910.2495574951172,
  "summary_wm_p95": 1075.4494079589842,
  "summary_wm_stdv": 50.74287796020508,
  "tpm_overlap_csf": 0.14501933753490448,
  "tpm_overlap_gm": 0.4442076086997986,
  "tpm_overlap_wm": 0.5092422366142273,
  "wm2max": 0.6329192518780434
}