{
  "aor": 0.00837115,
  "aqi": 0.020278390699999996,
  "bids_meta": {
    "AcquisitionNumber": 9,
    "BidsifyVersion": "0.3.5",
    "ConversionSoftware": "dcm2niix",
    "ConversionSoftwareVersion": "v1.0.20181125  GCC6.3.0",
    "EchoTime": 0.02762,
    "EffectiveEchoSpacing": 0.0006621159151938905,
    "ImageComments": "piop",
    "ImageOrientationPatientDICOM": [
      0.999025,
      -0.00274298,
      -0.0440625,
      -0.00557967,
      0.98222,
      -0.187652
    ],
    "Manufacturer": "Philips",
    "NumberOfVolumesDiscardedByScanner": 2,
    "ParallelAcquisitionTechnique": "SENSE",
    "ParallelReductionFactorInPlane": 2,
    "PatientPosition": "HFS",
    "PhaseEncodingDirection": "j",
    "PhilipsRescaleIntercept": 0,
    "PhilipsRescaleSlope": 0.80147,
    "PhilipsScaleSlope": 0.0492595,
    "ProtocolName": "WIPpiopanticipatieSENSE",
    "PulseSequenceType": "gradient echo EPI",
    "ReconMatrixPE": 80,
    "RepetitionTime": 2,
    "SeriesDescription": "ImageMRSERIES",
    "SeriesNumber": 9,
    "SliceEncodingDirection": "k",
    "SliceTiming": [
      0.0,
      0.0541,
      0.1081,
      0.1622,
      0.2162,
      0.2703,
      0.3243,
      0.3784,
      0.4324,
      0.4865,
      0.5405,
      0.5946,
      0.6486,
      0.7027,
      0.7568,
      0.8108,
      0.8649,
      0.9189,
      0.973,
      1.027,
      1.0811,
      1.1351,
      1.1892,
      1.2432,
      1.2973,
      1.3514,
      1.4054,
      1.4595,
      1.5135,
      1.5676,
      1.6216,
      1.6757,
      1.7297,
      1.7838,
      1.8378,
      1.8919,
      1.9459
    ],
    "TaskName": "anticipation",
    "TotalReadoutTime": 0.025822520692561732,
    "UsePhilipsFloatNotDisplayScaling": 1,
    "acq_id": "seq",
    "dataset": "ds002785",
    "modality": "bold",
    "subject_id": "0090",
    "task_id": "anticipation"
  },
  "dummy_trs": 0,
  "dvars_nstd": 29.950595956633173,
  "dvars_std": 1.0141995494974874,
  "dvars_vstd": 0.9213890469849254,
  "efc": 0.41967943732567503,
  "fber": 234647.640625,
  "fd_mean": 0.3941746899658342,
  "fd_num": 94,
  "fd_perc": 47.0,
  "fwhm_avg": 1.784158291235154,
  "fwhm_x": 1.7237166666666666,
  "fwhm_y": 1.8833399999999998,
  "fwhm_z": 1.7454182070387956,
  "gcor": 0.0298872,
  "gsr_x": -0.017847979441285133,
  "gsr_y": 0.013321765698492527,
  "provenance": {
    "md5sum": "07ddd7c5b307d48b1d41ccc632f25ed7",
    "settings": {
      "fd_thres": 0.2,
      "testing": false
    },
    "software": "mriqc",
    "version": "22.0.0rc1",
    "webapi_port": null,
    "webapi_url": "https://mriqc.nimh.nih.gov/api/v1"
  },
  "size_t": 200,
  "size_x": 80,
  "size_y": 80,
  "size_z": 37,
  "snr": 4.886002625003643,
  "spacing_tr": 2.0,
  "spacing_x": 3.0,
  "spacing_y": 3.0,
  "spacing_z": 3.299999952316284,
  "summary_bg_k": 112.98079196902286,
  "summary_bg_mad": 56.10732668094738,
  "summary_bg_mean": 567.3709106445312,
  "summary_bg_median": 54.72716522216797,
  "summary_bg_n": 159628.0,
  "summary_bg_p05": 4.7931750297546385,
  "summary_bg_p95": 2942.2894531249976,
  "summary_bg_stdv": 2001.2564697265625,
  "summary_fg_k": 1.6101082958673016,
  "summary_fg_mad": 5347.919944597188,
  "summary_fg_mean": 27949.296875,
  "summary_fg_median": 27260.91796875,
  "summary_fg_n": 35864.0,
  "summary_fg_p05": 20369.0953125,
  "summary_fg_p95": 37501.03417968749,
  "summary_fg_stdv": 5579.31298828125,
  "tsnr": 40.48225784301758
}