{
  "aor": 0.002829937369519833,
  "aqi": 0.011383716931106472,
  "bids_meta": {
    "AcquisitionNumber": 7,
    "BidsifyVersion": "0.3.5",
    "ConversionSoftware": "dcm2niix",
    "ConversionSoftwareVersion": "v1.0.20181125  GCC6.3.0",
    "EchoTime": 0.02762,
    "EffectiveEchoSpacing": 0.0006333282667071997,
    "ImageComments": "PIOP",
    "ImageOrientationPatientDICOM": [
      0.999549,
      0.0300092,
      0.000905169,
      -0.0286183,
      0.961467,
      -0.273426
    ],
    "Manufacturer": "Philips",
    "NumberOfVolumesDiscardedByScanner": 2,
    "ParallelAcquisitionTechnique": "SENSE",
    "ParallelReductionFactorInPlane": 2,
    "PatientPosition": "HFS",
    "PhaseEncodingDirection": "j",
    "PhilipsRescaleIntercept": 0,
    "PhilipsRescaleSlope": 0.74652,
    "PhilipsScaleSlope": 0.0913785,
    "ProtocolName": "WIPpioprsSENSE",
    "PulseSequenceType": "gradient echo EPI",
    "ReconMatrixPE": 80,
    "RepetitionTime": 0.75,
    "SeriesDescription": "ImageMRSERIES",
    "SeriesNumber": 7,
    "SliceEncodingDirection": "k",
    "SliceTiming": [
      0.0,
      0.06755050505050506,
      0.1351010101010101,
      0.20265151515151517,
      0.2702020202020202,
      0.3377525252525253,
      0.40530303030303033,
      0.47285353535353536,
      0.5404040404040404,
      0.6079545454545455,
      0.6755050505050506,
      0.7430555555555556,
      0.0,
      0.06755050505050506,
      0.1351010101010101,
      0.20265151515151517,
      0.2702020202020202,
      0.3377525252525253,
      0.40530303030303033,
      0.47285353535353536,
      0.5404040404040404,
      0.6079545454545455,
      0.6755050505050506,
      0.7430555555555556,
      0.0,
      0.06755050505050506,
      0.1351010101010101,
      0.20265151515151517,
      0.2702020202020202,
      0.3377525252525253,
      0.40530303030303033,
      0.47285353535353536,
      0.5404040404040404,
      0.6079545454545455,
      0.6755050505050506,
      0.7430555555555556
    ],
    "TaskName": "restingstate",
    "TotalReadoutTime": 0.024699802401580786,
    "UsePhilipsFloatNotDisplayScaling": 1,
    "acq_id": "mb3",
    "dataset": "ds002785",
    "modality": "bold",
    "subject_id": "0083",
    "task_id": "restingstate"
  },
  "dummy_trs": 1,
  "dvars_nstd": 32.68123909242677,
  "dvars_std": 1.176203860774059,
  "dvars_vstd": 1.0195500331799159,
  "efc": 0.4453951970915016,
  "fber": 174256.0,
  "fd_mean": 0.17142883235714876,
  "fd_num": 109,
  "fd_perc": 22.755741127348642,
  "fwhm_avg": 1.9160238472299778,
  "fwhm_x": 1.8629733333333334,
  "fwhm_y": 2.04848,
  "fwhm_z": 1.8366182083566,
  "gcor": 0.0225939,
  "gsr_x": -0.02092941291630268,
  "gsr_y": 0.023029588162899017,
  "provenance": {
    "md5sum": "adce835e1f4cc0db7b9d40e84d56a79d",
    "settings": {
      "fd_thres": 0.2,
      "testing": false
    },
    "software": "mriqc",
    "version": "22.0.0rc1",
    "webapi_port": null,
    "webapi_url": "https://mriqc.nimh.nih.gov/api/v1"
  },
  "size_t": 479,
  "size_x": 80,
  "size_y": 80,
  "size_z": 36,
  "snr": 6.081003624878535,
  "spacing_tr": 0.75,
  "spacing_x": 3.0,
  "spacing_y": 3.0,
  "spacing_z": 3.299999952316284,
  "summary_bg_k": 66.8772535326146,
  "summary_bg_mad": 35.79174163179848,
  "summary_bg_mean": 294.1671142578125,
  "summary_bg_median": 37.3839225769043,
  "summary_bg_n": 150085.0,
  "summary_bg_p05": 4.403608894348145,
  "summary_bg_p95": 1560.4430419921862,
  "summary_bg_stdv": 852.9727172851562,
  "summary_fg_k": 0.8496049500693186,
  "summary_fg_mad": 2547.411764968258,
  "summary_fg_mean": 16182.4267578125,
  "summary_fg_median": 16061.935546875,
  "summary_fg_n": 39631.0,
  "summary_fg_p05": 12147.44580078125,
  "summary_fg_p95": 20608.033203125,
  "summary_fg_stdv": 2641.29638671875,
  "tsnr": 46.315303802490234
}