{
  "aor": 0.001342030303030303,
  "aqi": 0.009209518727272728,
  "bids_meta": {
    "AcquisitionNumber": 2,
    "BidsifyVersion": "0.3.5",
    "ConversionSoftware": "dcm2niix",
    "ConversionSoftwareVersion": "v1.0.20181125  GCC6.3.0",
    "EchoTime": 0.02762,
    "EffectiveEchoSpacing": 0.0006333282667071997,
    "ImageComments": "PIOP",
    "ImageOrientationPatientDICOM": [
      0.999549,
      0.0300092,
      0.000905169,
      -0.0286183,
      0.961467,
      -0.273426
    ],
    "Manufacturer": "Philips",
    "NumberOfVolumesDiscardedByScanner": 2,
    "ParallelAcquisitionTechnique": "SENSE",
    "ParallelReductionFactorInPlane": 2,
    "PatientPosition": "HFS",
    "PhaseEncodingDirection": "j",
    "PhilipsRescaleIntercept": 0,
    "PhilipsRescaleSlope": 0.74579,
    "PhilipsScaleSlope": 0.094365,
    "ProtocolName": "WIPpiopfacesSENSE",
    "PulseSequenceType": "gradient echo EPI",
    "ReconMatrixPE": 80,
    "RepetitionTime": 0.75,
    "SeriesDescription": "ImageMRSERIES",
    "SeriesNumber": 2,
    "SliceEncodingDirection": "k",
    "SliceTiming": [
      0.0,
      0.06755050505050506,
      0.1351010101010101,
      0.20265151515151517,
      0.2702020202020202,
      0.3377525252525253,
      0.40530303030303033,
      0.47285353535353536,
      0.5404040404040404,
      0.6079545454545455,
      0.6755050505050506,
      0.7430555555555556,
      0.0,
      0.06755050505050506,
      0.1351010101010101,
      0.20265151515151517,
      0.2702020202020202,
      0.3377525252525253,
      0.40530303030303033,
      0.47285353535353536,
      0.5404040404040404,
      0.6079545454545455,
      0.6755050505050506,
      0.7430555555555556,
      0.0,
      0.06755050505050506,
      0.1351010101010101,
      0.20265151515151517,
      0.2702020202020202,
      0.3377525252525253,
      0.40530303030303033,
      0.47285353535353536,
      0.5404040404040404,
      0.6079545454545455,
      0.6755050505050506,
      0.7430555555555556
    ],
    "TaskName": "faces",
    "TotalReadoutTime": 0.024699802401580786,
    "UsePhilipsFloatNotDisplayScaling": 1,
    "acq_id": "mb3",
    "dataset": "ds002785",
    "modality": "bold",
    "subject_id": "0083",
    "task_id": "faces"
  },
  "dummy_trs": 0,
  "dvars_nstd": 30.570804381671756,
  "dvars_std": 1.1701002630091182,
  "dvars_vstd": 1.0129495315501524,
  "efc": 0.44551292500974254,
  "fber": 170112.734375,
  "fd_mean": 0.12841854957107413,
  "fd_num": 29,
  "fd_perc": 8.787878787878787,
  "fwhm_avg": 1.9572853625893485,
  "fwhm_x": 1.9014066666666667,
  "fwhm_y": 2.0906766666666665,
  "fwhm_z": 1.879772754434712,
  "gcor": 0.0326608,
  "gsr_x": -0.02208753302693367,
  "gsr_y": 0.0234393160790205,
  "provenance": {
    "md5sum": "6430fd543354f00c71987c8f5ee01ba4",
    "settings": {
      "fd_thres": 0.2,
      "testing": false
    },
    "software": "mriqc",
    "version": "22.0.0rc1",
    "webapi_port": null,
    "webapi_url": "https://mriqc.nimh.nih.gov/api/v1"
  },
  "size_t": 330,
  "size_x": 80,
  "size_y": 80,
  "size_z": 36,
  "snr": 5.880532205851157,
  "spacing_tr": 0.75,
  "spacing_x": 3.0,
  "spacing_y": 3.0,
  "spacing_z": 3.299999952316284,
  "summary_bg_k": 84.65972693868747,
  "summary_bg_mad": 37.614940128696276,
  "summary_bg_mean": 308.5119934082031,
  "summary_bg_median": 38.98869705200195,
  "summary_bg_n": 150009.0,
  "summary_bg_p05": 4.63860387802124,
  "summary_bg_p95": 1582.1075195312505,
  "summary_bg_stdv": 931.176025390625,
  "summary_fg_k": 0.6970720237069026,
  "summary_fg_mad": 2730.530513198448,
  "summary_fg_mean": 16707.1015625,
  "summary_fg_median": 16571.515625,
  "summary_fg_n": 39666.0,
  "summary_fg_p05": 12417.268310546875,
  "summary_fg_p95": 21420.7861328125,
  "summary_fg_stdv": 2817.994384765625,
  "tsnr": 49.5224609375
}