{
  "aor": 0.007390249999999999,
  "aqi": 0.008702900949999998,
  "bids_meta": {
    "AcquisitionNumber": 11,
    "BidsifyVersion": "0.3.5",
    "ConversionSoftware": "dcm2niix",
    "ConversionSoftwareVersion": "v1.0.20181125  GCC6.3.0",
    "EchoTime": 0.02762,
    "EffectiveEchoSpacing": 0.0006621159151938905,
    "ImageComments": "PIOP",
    "ImageOrientationPatientDICOM": [
      0.999549,
      0.0300092,
      0.000905169,
      -0.0286183,
      0.961467,
      -0.273426
    ],
    "Manufacturer": "Philips",
    "NumberOfVolumesDiscardedByScanner": 2,
    "ParallelAcquisitionTechnique": "SENSE",
    "ParallelReductionFactorInPlane": 2,
    "PatientPosition": "HFS",
    "PhaseEncodingDirection": "j",
    "PhilipsRescaleIntercept": 0,
    "PhilipsRescaleSlope": 0.77485,
    "PhilipsScaleSlope": 0.0540773,
    "ProtocolName": "WIPpiopanticipatieSENSE",
    "PulseSequenceType": "gradient echo EPI",
    "ReconMatrixPE": 80,
    "RepetitionTime": 2,
    "SeriesDescription": "ImageMRSERIES",
    "SeriesNumber": 11,
    "SliceEncodingDirection": "k",
    "SliceTiming": [
      0.0,
      0.0541,
      0.1081,
      0.1622,
      0.2162,
      0.2703,
      0.3243,
      0.3784,
      0.4324,
      0.4865,
      0.5405,
      0.5946,
      0.6486,
      0.7027,
      0.7568,
      0.8108,
      0.8649,
      0.9189,
      0.973,
      1.027,
      1.0811,
      1.1351,
      1.1892,
      1.2432,
      1.2973,
      1.3514,
      1.4054,
      1.4595,
      1.5135,
      1.5676,
      1.6216,
      1.6757,
      1.7297,
      1.7838,
      1.8378,
      1.8919,
      1.9459
    ],
    "TaskName": "anticipation",
    "TotalReadoutTime": 0.025822520692561732,
    "UsePhilipsFloatNotDisplayScaling": 1,
    "acq_id": "seq",
    "dataset": "ds002785",
    "modality": "bold",
    "subject_id": "0083",
    "task_id": "anticipation"
  },
  "dummy_trs": 0,
  "dvars_nstd": 28.14251935165829,
  "dvars_std": 1.2632088976884426,
  "dvars_vstd": 1.0388434333165832,
  "efc": 0.43904423529360137,
  "fber": 169880.0,
  "fd_mean": 0.26406372426774855,
  "fd_num": 79,
  "fd_perc": 39.5,
  "fwhm_avg": 1.8982926350853397,
  "fwhm_x": 1.8249233333333335,
  "fwhm_y": 2.0382000000000002,
  "fwhm_z": 1.8317545719226862,
  "gcor": 0.0341047,
  "gsr_x": -0.01965288072824478,
  "gsr_y": 0.023960117250680923,
  "provenance": {
    "md5sum": "25dc28f022d7bfdbf1ab9ddeab6e8e63",
    "settings": {
      "fd_thres": 0.2,
      "testing": false
    },
    "software": "mriqc",
    "version": "22.0.0rc1",
    "webapi_port": null,
    "webapi_url": "https://mriqc.nimh.nih.gov/api/v1"
  },
  "size_t": 200,
  "size_x": 80,
  "size_y": 80,
  "size_z": 37,
  "snr": 5.01294439454154,
  "spacing_tr": 2.0,
  "spacing_x": 3.0,
  "spacing_y": 3.0,
  "spacing_z": 3.299999952316284,
  "summary_bg_k": 62.889918844101814,
  "summary_bg_mad": 47.475877393394775,
  "summary_bg_mean": 406.5835266113281,
  "summary_bg_median": 53.912052154541016,
  "summary_bg_n": 155052.0,
  "summary_bg_p05": 7.83965072631836,
  "summary_bg_p95": 2199.803198242177,
  "summary_bg_stdv": 1206.6883544921875,
  "summary_fg_k": 2.53374818897783,
  "summary_fg_mad": 4057.0801610839612,
  "summary_fg_mean": 23501.865234375,
  "summary_fg_median": 22931.890625,
  "summary_fg_n": 40346.0,
  "summary_fg_p05": 17265.0673828125,
  "summary_fg_p95": 31156.62548828125,
  "summary_fg_stdv": 4574.478515625,
  "tsnr": 57.54645919799805
}