{
  "bids_meta": {
    "AcquisitionNumber": 4,
    "BidsifyVersion": "0.3.5",
    "ConversionSoftware": "dcm2niix",
    "ConversionSoftwareVersion": "v1.0.20181125  GCC6.3.0",
    "EchoTime": 0.00376,
    "ImageComments": "piop",
    "ImageOrientationPatientDICOM": [
      0.996943,
      0.0780047,
      -0.00450273,
      -0.078111,
      0.996401,
      -0.032904
    ],
    "Manufacturer": "Philips",
    "PatientPosition": "HFS",
    "PhilipsRescaleIntercept": 0,
    "PhilipsRescaleSlope": 9.61294,
    "PhilipsScaleSlope": 0.00725773,
    "ProtocolName": "WIPt13dSENSE",
    "ReconMatrixPE": 240,
    "RepetitionTime": 0.008167,
    "SeriesDescription": "ImageMRSERIES",
    "SeriesNumber": 4,
    "UsePhilipsFloatNotDisplayScaling": 1,
    "dataset": "ds002785",
    "modality": "T1w",
    "subject_id": "0055"
  },
  "cjv": 0.3620630446003126,
  "cnr": 3.4678430300063394,
  "efc": 0.7495814669621612,
  "fber": 682.1178588867188,
  "fwhm_avg": 3.904166348283726,
  "fwhm_x": 3.70013,
  "fwhm_y": 4.126459508087693,
  "fwhm_z": 3.885909536763485,
  "icvs_csf": 0.2700252892894824,
  "icvs_gm": 0.35283899705981925,
  "icvs_wm": 0.3771357136506984,
  "inu_med": 1.8153752088546753,
  "inu_range": 0.4338583648204799,
  "provenance": {
    "md5sum": "2e7bd89979eb0a6dd69d33b8ac60fc92",
    "settings": {
      "testing": false
    },
    "software": "mriqc",
    "version": "22.0.0rc1",
    "warnings": {
      "large_rot_frame": true,
      "small_air_mask": false
    },
    "webapi_port": null,
    "webapi_url": "https://mriqc.nimh.nih.gov/api/v1"
  },
  "qi_1": 0.0,
  "qi_2": 0.00014827716184314519,
  "rpve_csf": 21.738752427798445,
  "rpve_gm": 14.950726850259619,
  "rpve_wm": 19.309264764473323,
  "size_x": 240,
  "size_y": 240,
  "size_z": 220,
  "snr_csf": 3.5160085085120962,
  "snr_gm": 7.658023297940808,
  "snr_total": 10.29285247443358,
  "snr_wm": 19.704525616847835,
  "snrd_csf": 24.143751259933875,
  "snrd_gm": 46.79629192567468,
  "snrd_total": 47.530853129673005,
  "snrd_wm": 71.65251620341044,
  "spacing_x": 1.0,
  "spacing_y": 1.0000001192092896,
  "spacing_z": 1.0000001192092896,
  "summary_bg_k": 3.0900735568865763,
  "summary_bg_mad": 9.143246492842048,
  "summary_bg_mean": 14.490714073181152,
  "summary_bg_median": 12.202329635620117,
  "summary_bg_n": 268897.0,
  "summary_bg_p05": 0.0,
  "summary_bg_p95": 37.194681549072264,
  "summary_bg_stdv": 12.589674949645996,
  "summary_csf_k": 0.6379012239113537,
  "summary_csf_mad": 87.68328870082075,
  "summary_csf_mean": 330.20361328125,
  "summary_csf_median": 336.9562072753906,
  "summary_csf_n": 15995.0,
  "summary_csf_p05": 153.9317611694336,
  "summary_csf_p95": 473.32887878417966,
  "summary_csf_stdv": 95.83187103271484,
  "summary_gm_k": 0.5833549749934117,
  "summary_gm_mad": 78.5908125280709,
  "summary_gm_mean": 658.5310668945312,
  "summary_gm_median": 653.1007080078125,
  "summary_gm_n": 12146.0,
  "summary_gm_p05": 528.0833282470703,
  "summary_gm_p95": 811.5080261230469,
  "summary_gm_stdv": 85.2796859741211,
  "summary_wm_k": 0.7718851517876413,
  "summary_wm_mad": 47.00873389176032,
  "summary_wm_mean": 999.0066528320312,
  "summary_wm_median": 1000.0003662109375,
  "summary_wm_n": 231965.0,
  "summary_wm_p05": 914.6076904296875,
  "summary_wm_p95": 1079.6686767578124,
  "summary_wm_stdv": 50.749671936035156,
  "tpm_overlap_csf": 0.13085682690143585,
  "tpm_overlap_gm": 0.3959903419017792,
  "tpm_overlap_wm": 0.4905076324939728,
  "wm2max": 0.6966189100007036
}