{
  "aor": 0.010750816326530613,
  "aqi": 0.02287647730612245,
  "bids_meta": {
    "AcquisitionNumber": 3,
    "BidsifyVersion": "0.3.5",
    "ConversionSoftware": "dcm2niix",
    "ConversionSoftwareVersion": "v1.0.20181125  GCC6.3.0",
    "EchoTime": 0.02762,
    "EffectiveEchoSpacing": 0.0006621159151938905,
    "ImageComments": "Piop",
    "ImageOrientationPatientDICOM": [
      0.994875,
      0.0831942,
      -0.0574667,
      -0.0833671,
      0.996519,
      -0.000613946
    ],
    "Manufacturer": "Philips",
    "NumberOfVolumesDiscardedByScanner": 2,
    "ParallelAcquisitionTechnique": "SENSE",
    "ParallelReductionFactorInPlane": 2,
    "PatientPosition": "HFS",
    "PhaseEncodingDirection": "j",
    "PhilipsRescaleIntercept": 0,
    "PhilipsRescaleSlope": 0.81538,
    "PhilipsScaleSlope": 0.0514797,
    "ProtocolName": "WIPpiopgstroopSENSE",
    "PulseSequenceType": "gradient echo EPI",
    "ReconMatrixPE": 80,
    "RepetitionTime": 2,
    "SeriesDescription": "ImageMRSERIES",
    "SeriesNumber": 3,
    "SliceEncodingDirection": "k",
    "SliceTiming": [
      0.0,
      0.0541,
      0.1081,
      0.1622,
      0.2162,
      0.2703,
      0.3243,
      0.3784,
      0.4324,
      0.4865,
      0.5405,
      0.5946,
      0.6486,
      0.7027,
      0.7568,
      0.8108,
      0.8649,
      0.9189,
      0.973,
      1.027,
      1.0811,
      1.1351,
      1.1892,
      1.2432,
      1.2973,
      1.3514,
      1.4054,
      1.4595,
      1.5135,
      1.5676,
      1.6216,
      1.6757,
      1.7297,
      1.7838,
      1.8378,
      1.8919,
      1.9459
    ],
    "TaskName": "gstroop",
    "TotalReadoutTime": 0.025822520692561732,
    "UsePhilipsFloatNotDisplayScaling": 1,
    "acq_id": "seq",
    "dataset": "ds002785",
    "modality": "bold",
    "subject_id": "0030",
    "task_id": "gstroop"
  },
  "dummy_trs": 0,
  "dvars_nstd": 21.480245707377048,
  "dvars_std": 1.037171571639345,
  "dvars_vstd": 0.9811446826229512,
  "efc": 0.4510742584508694,
  "fber": 127613.3828125,
  "fd_mean": 0.22187761253635657,
  "fd_num": 69,
  "fd_perc": 28.163265306122447,
  "fwhm_avg": 1.862436876846214,
  "fwhm_x": 1.8112899999999998,
  "fwhm_y": 2.0819933333333336,
  "fwhm_z": 1.694027297205308,
  "gcor": 0.0212847,
  "gsr_x": -0.018768997862935066,
  "gsr_y": 0.022688554599881172,
  "provenance": {
    "md5sum": "78a54334402a32742d95f013d6b2cbf2",
    "settings": {
      "fd_thres": 0.2,
      "testing": false
    },
    "software": "mriqc",
    "version": "22.0.0rc1",
    "webapi_port": null,
    "webapi_url": "https://mriqc.nimh.nih.gov/api/v1"
  },
  "size_t": 245,
  "size_x": 80,
  "size_y": 80,
  "size_z": 37,
  "snr": 6.143509064185798,
  "spacing_tr": 2.0,
  "spacing_x": 3.0,
  "spacing_y": 3.0,
  "spacing_z": 3.299999952316284,
  "summary_bg_k": 82.58809574945742,
  "summary_bg_mad": 88.63104611666414,
  "summary_bg_mean": 713.0552978515625,
  "summary_bg_median": 75.8043212890625,
  "summary_bg_n": 154932.0,
  "summary_bg_p05": 6.523787140846252,
  "summary_bg_p95": 3779.870471191392,
  "summary_bg_stdv": 1978.57373046875,
  "summary_fg_k": 2.73763361217307,
  "summary_fg_mad": 4213.89285491178,
  "summary_fg_mean": 28140.30859375,
  "summary_fg_median": 27835.41015625,
  "summary_fg_n": 39484.0,
  "summary_fg_p05": 21600.90947265625,
  "summary_fg_p95": 35096.04433593749,
  "summary_fg_stdv": 4530.8076171875,
  "tsnr": 41.90507507324219
}