{
  "aor": 0.01369940740740741,
  "aqi": 0.009860853851851852,
  "bids_meta": {
    "AcquisitionNumber": 5,
    "BidsifyVersion": "0.3.5",
    "ConversionSoftware": "dcm2niix",
    "ConversionSoftwareVersion": "v1.0.20181125  GCC6.3.0",
    "EchoTime": 0.02762,
    "EffectiveEchoSpacing": 0.0006621159151938905,
    "ImageComments": "Piop",
    "ImageOrientationPatientDICOM": [
      0.994875,
      0.0831942,
      -0.0574667,
      -0.0833671,
      0.996519,
      -0.000613946
    ],
    "Manufacturer": "Philips",
    "NumberOfVolumesDiscardedByScanner": 2,
    "ParallelAcquisitionTechnique": "SENSE",
    "ParallelReductionFactorInPlane": 2,
    "PatientPosition": "HFS",
    "PhaseEncodingDirection": "j",
    "PhilipsRescaleIntercept": 0,
    "PhilipsRescaleSlope": 0.779,
    "PhilipsScaleSlope": 0.0524247,
    "ProtocolName": "WIPpiopharririSENSE",
    "PulseSequenceType": "gradient echo EPI",
    "ReconMatrixPE": 80,
    "RepetitionTime": 2,
    "SeriesDescription": "ImageMRSERIES",
    "SeriesNumber": 5,
    "SliceEncodingDirection": "k",
    "SliceTiming": [
      0.0,
      0.0541,
      0.1081,
      0.1622,
      0.2162,
      0.2703,
      0.3243,
      0.3784,
      0.4324,
      0.4865,
      0.5405,
      0.5946,
      0.6486,
      0.7027,
      0.7568,
      0.8108,
      0.8649,
      0.9189,
      0.973,
      1.027,
      1.0811,
      1.1351,
      1.1892,
      1.2432,
      1.2973,
      1.3514,
      1.4054,
      1.4595,
      1.5135,
      1.5676,
      1.6216,
      1.6757,
      1.7297,
      1.7838,
      1.8378,
      1.8919,
      1.9459
    ],
    "TaskName": "emomatching",
    "TotalReadoutTime": 0.025822520692561732,
    "UsePhilipsFloatNotDisplayScaling": 1,
    "acq_id": "seq",
    "dataset": "ds002785",
    "modality": "bold",
    "subject_id": "0030",
    "task_id": "emomatching"
  },
  "dummy_trs": 0,
  "dvars_nstd": 21.315319786791036,
  "dvars_std": 1.208753008432836,
  "dvars_vstd": 1.066043571268657,
  "efc": 0.45205894217831094,
  "fber": 149022.828125,
  "fd_mean": 0.18298613034565508,
  "fd_num": 29,
  "fd_perc": 21.48148148148148,
  "fwhm_avg": 1.9184874833029728,
  "fwhm_x": 1.8478666666666665,
  "fwhm_y": 2.13132,
  "fwhm_z": 1.7762757832422515,
  "gcor": 0.0197105,
  "gsr_x": -0.018592791631817818,
  "gsr_y": 0.022969478741288185,
  "provenance": {
    "md5sum": "3828422d70e50839851c8bbcb8b05bf2",
    "settings": {
      "fd_thres": 0.2,
      "testing": false
    },
    "software": "mriqc",
    "version": "22.0.0rc1",
    "webapi_port": null,
    "webapi_url": "https://mriqc.nimh.nih.gov/api/v1"
  },
  "size_t": 135,
  "size_x": 80,
  "size_y": 80,
  "size_z": 37,
  "snr": 5.898212470426905,
  "spacing_tr": 2.0,
  "spacing_x": 3.0,
  "spacing_y": 3.0,
  "spacing_z": 3.299999952316284,
  "summary_bg_k": 67.10483989341301,
  "summary_bg_mad": 79.52485633715875,
  "summary_bg_mean": 723.138916015625,
  "summary_bg_median": 70.2263412475586,
  "summary_bg_n": 154861.0,
  "summary_bg_p05": 4.719583034515381,
  "summary_bg_p95": 3982.145263671875,
  "summary_bg_stdv": 2004.2850341796875,
  "summary_fg_k": 2.3622530791733487,
  "summary_fg_mad": 4430.148631437807,
  "summary_fg_mean": 28489.982421875,
  "summary_fg_median": 28236.96875,
  "summary_fg_n": 39921.0,
  "summary_fg_p05": 21406.908203125,
  "summary_fg_p95": 35931.578125,
  "summary_fg_stdv": 4787.3173828125,
  "tsnr": 59.72361755371094
}