{
  "aor": 0.0028977575757575757,
  "aqi": 0.009449396666666667,
  "bids_meta": {
    "AcquisitionNumber": 2,
    "BidsifyVersion": "0.3.5",
    "ConversionSoftware": "dcm2niix",
    "ConversionSoftwareVersion": "v1.0.20181125  GCC6.3.0",
    "EchoTime": 0.02762,
    "EffectiveEchoSpacing": 0.0006333282667071997,
    "ImageComments": "Piop",
    "ImageOrientationPatientDICOM": [
      0.994952,
      0.0815819,
      -0.0584317,
      -0.0903727,
      0.981573,
      -0.168365
    ],
    "Manufacturer": "Philips",
    "NumberOfVolumesDiscardedByScanner": 2,
    "ParallelAcquisitionTechnique": "SENSE",
    "ParallelReductionFactorInPlane": 2,
    "PatientPosition": "HFS",
    "PhaseEncodingDirection": "j",
    "PhilipsRescaleIntercept": 0,
    "PhilipsRescaleSlope": 0.78632,
    "PhilipsScaleSlope": 0.0860088,
    "ProtocolName": "WIPpiopfacesSENSE",
    "PulseSequenceType": "gradient echo EPI",
    "ReconMatrixPE": 80,
    "RepetitionTime": 0.75,
    "SeriesDescription": "ImageMRSERIES",
    "SeriesNumber": 2,
    "SliceEncodingDirection": "k",
    "SliceTiming": [
      0.0,
      0.06755050505050506,
      0.1351010101010101,
      0.20265151515151517,
      0.2702020202020202,
      0.3377525252525253,
      0.40530303030303033,
      0.47285353535353536,
      0.5404040404040404,
      0.6079545454545455,
      0.6755050505050506,
      0.7430555555555556,
      0.0,
      0.06755050505050506,
      0.1351010101010101,
      0.20265151515151517,
      0.2702020202020202,
      0.3377525252525253,
      0.40530303030303033,
      0.47285353535353536,
      0.5404040404040404,
      0.6079545454545455,
      0.6755050505050506,
      0.7430555555555556,
      0.0,
      0.06755050505050506,
      0.1351010101010101,
      0.20265151515151517,
      0.2702020202020202,
      0.3377525252525253,
      0.40530303030303033,
      0.47285353535353536,
      0.5404040404040404,
      0.6079545454545455,
      0.6755050505050506,
      0.7430555555555556
    ],
    "TaskName": "faces",
    "TotalReadoutTime": 0.024699802401580786,
    "UsePhilipsFloatNotDisplayScaling": 1,
    "acq_id": "mb3",
    "dataset": "ds002785",
    "modality": "bold",
    "subject_id": "0030",
    "task_id": "faces"
  },
  "dummy_trs": 0,
  "dvars_nstd": 27.95669112173253,
  "dvars_std": 1.2394265250151972,
  "dvars_vstd": 1.0367611367173248,
  "efc": 0.4643730363737304,
  "fber": 138085.125,
  "fd_mean": 0.12043439956683534,
  "fd_num": 17,
  "fd_perc": 5.151515151515151,
  "fwhm_avg": 2.119538236582825,
  "fwhm_x": 2.1248766666666667,
  "fwhm_y": 2.3387166666666666,
  "fwhm_z": 1.8950213764151407,
  "gcor": 0.0222538,
  "gsr_x": -0.022811921313405037,
  "gsr_y": 0.020085975527763367,
  "provenance": {
    "md5sum": "d1112db11c0bd7adec83fbe06639452d",
    "settings": {
      "fd_thres": 0.2,
      "testing": false
    },
    "software": "mriqc",
    "version": "22.0.0rc1",
    "webapi_port": null,
    "webapi_url": "https://mriqc.nimh.nih.gov/api/v1"
  },
  "size_t": 330,
  "size_x": 80,
  "size_y": 80,
  "size_z": 36,
  "snr": 6.822158888842048,
  "spacing_tr": 0.75,
  "spacing_x": 3.0,
  "spacing_y": 3.0,
  "spacing_z": 3.299999713897705,
  "summary_bg_k": 43.44715250795477,
  "summary_bg_mad": 61.103913731268115,
  "summary_bg_mean": 541.11767578125,
  "summary_bg_median": 53.06949234008789,
  "summary_bg_n": 149025.0,
  "summary_bg_p05": 4.36082181930542,
  "summary_bg_p95": 2903.7259765624945,
  "summary_bg_stdv": 1364.71142578125,
  "summary_fg_k": 1.32042857867886,
  "summary_fg_mad": 2743.0703743453982,
  "summary_fg_mean": 20003.9609375,
  "summary_fg_median": 20079.37109375,
  "summary_fg_n": 39870.0,
  "summary_fg_p05": 15136.452197265626,
  "summary_fg_p95": 24563.637402343746,
  "summary_fg_stdv": 2943.220703125,
  "tsnr": 55.638824462890625
}