{
  "aor": 0.0035139500000000005,
  "aqi": 0.0046431549999999995,
  "bids_meta": {
    "AcquisitionNumber": 9,
    "BidsifyVersion": "0.3.5",
    "ConversionSoftware": "dcm2niix",
    "ConversionSoftwareVersion": "v1.0.20181125  GCC6.3.0",
    "EchoTime": 0.02762,
    "EffectiveEchoSpacing": 0.0006621159151938905,
    "ImageComments": "PIOP",
    "ImageOrientationPatientDICOM": [
      0.993213,
      -0.101701,
      0.0564305,
      0.115446,
      0.921011,
      -0.372035
    ],
    "Manufacturer": "Philips",
    "NumberOfVolumesDiscardedByScanner": 2,
    "ParallelAcquisitionTechnique": "SENSE",
    "ParallelReductionFactorInPlane": 2,
    "PatientPosition": "HFS",
    "PhaseEncodingDirection": "j",
    "PhilipsRescaleIntercept": 0,
    "PhilipsRescaleSlope": 0.80147,
    "PhilipsScaleSlope": 0.0564664,
    "ProtocolName": "WIPpiopanticipatieSENSE",
    "PulseSequenceType": "gradient echo EPI",
    "ReconMatrixPE": 80,
    "RepetitionTime": 2,
    "SeriesDescription": "ImageMRSERIES",
    "SeriesNumber": 9,
    "SliceEncodingDirection": "k",
    "SliceTiming": [
      0.0,
      0.0541,
      0.1081,
      0.1622,
      0.2162,
      0.2703,
      0.3243,
      0.3784,
      0.4324,
      0.4865,
      0.5405,
      0.5946,
      0.6486,
      0.7027,
      0.7568,
      0.8108,
      0.8649,
      0.9189,
      0.973,
      1.027,
      1.0811,
      1.1351,
      1.1892,
      1.2432,
      1.2973,
      1.3514,
      1.4054,
      1.4595,
      1.5135,
      1.5676,
      1.6216,
      1.6757,
      1.7297,
      1.7838,
      1.8378,
      1.8919,
      1.9459
    ],
    "TaskName": "anticipation",
    "TotalReadoutTime": 0.025822520692561732,
    "UsePhilipsFloatNotDisplayScaling": 1,
    "acq_id": "seq",
    "dataset": "ds002785",
    "modality": "bold",
    "subject_id": "0110",
    "task_id": "anticipation"
  },
  "dummy_trs": 0,
  "dvars_nstd": 27.174426035678387,
  "dvars_std": 1.3796500712060304,
  "dvars_vstd": 1.030170341155779,
  "efc": 0.48035246363229456,
  "fber": 144449.9375,
  "fd_mean": 0.14225852312028966,
  "fd_num": 28,
  "fd_perc": 14.0,
  "fwhm_avg": 1.8485104125885752,
  "fwhm_x": 1.8380266666666667,
  "fwhm_y": 1.9327500000000002,
  "fwhm_z": 1.7747545710990584,
  "gcor": 0.0226755,
  "gsr_x": -0.021719275042414665,
  "gsr_y": 0.025364859029650688,
  "provenance": {
    "md5sum": "5a532abca97648a16d2c1445d99404f7",
    "settings": {
      "fd_thres": 0.2,
      "testing": false
    },
    "software": "mriqc",
    "version": "22.0.0rc1",
    "webapi_port": null,
    "webapi_url": "https://mriqc.nimh.nih.gov/api/v1"
  },
  "size_t": 200,
  "size_x": 80,
  "size_y": 80,
  "size_z": 37,
  "snr": 5.003792364469423,
  "spacing_tr": 2.0,
  "spacing_x": 3.0,
  "spacing_y": 3.0,
  "spacing_z": 3.299999952316284,
  "summary_bg_k": 14.824720990679193,
  "summary_bg_mad": 60.415801451681205,
  "summary_bg_mean": 858.69287109375,
  "summary_bg_median": 58.735618591308594,
  "summary_bg_n": 150156.0,
  "summary_bg_p05": 5.332742214202881,
  "summary_bg_p95": 5812.1676025390625,
  "summary_bg_stdv": 2290.10595703125,
  "summary_fg_k": 2.68573268535018,
  "summary_fg_mad": 4095.669806523248,
  "summary_fg_mean": 23723.119140625,
  "summary_fg_median": 23124.443359375,
  "summary_fg_n": 44078.0,
  "summary_fg_p05": 17383.14638671875,
  "summary_fg_p95": 31546.304394531253,
  "summary_fg_stdv": 4621.3310546875,
  "tsnr": 71.80692291259766
}