{
  "aor": 0.002245925925925926,
  "aqi": 0.006053668074074074,
  "bids_meta": {
    "AcquisitionNumber": 5,
    "BidsifyVersion": "0.3.5",
    "ConversionSoftware": "dcm2niix",
    "ConversionSoftwareVersion": "v1.0.20181125  GCC6.3.0",
    "EchoTime": 0.02762,
    "EffectiveEchoSpacing": 0.0006621159151938905,
    "ImageComments": "PIOP",
    "ImageOrientationPatientDICOM": [
      0.993213,
      -0.101701,
      0.0564305,
      0.115446,
      0.921011,
      -0.372035
    ],
    "Manufacturer": "Philips",
    "NumberOfVolumesDiscardedByScanner": 2,
    "ParallelAcquisitionTechnique": "SENSE",
    "ParallelReductionFactorInPlane": 2,
    "PatientPosition": "HFS",
    "PhaseEncodingDirection": "j",
    "PhilipsRescaleIntercept": 0,
    "PhilipsRescaleSlope": 0.8022,
    "PhilipsScaleSlope": 0.0535406,
    "ProtocolName": "WIPpiopharririSENSE",
    "PulseSequenceType": "gradient echo EPI",
    "ReconMatrixPE": 80,
    "RepetitionTime": 2,
    "SeriesDescription": "ImageMRSERIES",
    "SeriesNumber": 5,
    "SliceEncodingDirection": "k",
    "SliceTiming": [
      0.0,
      0.0541,
      0.1081,
      0.1622,
      0.2162,
      0.2703,
      0.3243,
      0.3784,
      0.4324,
      0.4865,
      0.5405,
      0.5946,
      0.6486,
      0.7027,
      0.7568,
      0.8108,
      0.8649,
      0.9189,
      0.973,
      1.027,
      1.0811,
      1.1351,
      1.1892,
      1.2432,
      1.2973,
      1.3514,
      1.4054,
      1.4595,
      1.5135,
      1.5676,
      1.6216,
      1.6757,
      1.7297,
      1.7838,
      1.8378,
      1.8919,
      1.9459
    ],
    "TaskName": "emomatching",
    "TotalReadoutTime": 0.025822520692561732,
    "UsePhilipsFloatNotDisplayScaling": 1,
    "acq_id": "seq",
    "dataset": "ds002785",
    "modality": "bold",
    "subject_id": "0110",
    "task_id": "emomatching"
  },
  "dummy_trs": 0,
  "dvars_nstd": 27.097818004328346,
  "dvars_std": 1.341479753283582,
  "dvars_vstd": 0.9896963508955223,
  "efc": 0.48020156636477407,
  "fber": 151335.609375,
  "fd_mean": 0.1457748661300632,
  "fd_num": 22,
  "fd_perc": 16.296296296296298,
  "fwhm_avg": 1.873166978307449,
  "fwhm_x": 1.86668,
  "fwhm_y": 1.96513,
  "fwhm_z": 1.7876909349223473,
  "gcor": 0.0222191,
  "gsr_x": -0.021782161667943,
  "gsr_y": 0.024911148473620415,
  "provenance": {
    "md5sum": "d68c3e361acf527568ad070dcd5d6958",
    "settings": {
      "fd_thres": 0.2,
      "testing": false
    },
    "software": "mriqc",
    "version": "22.0.0rc1",
    "webapi_port": null,
    "webapi_url": "https://mriqc.nimh.nih.gov/api/v1"
  },
  "size_t": 135,
  "size_x": 80,
  "size_y": 80,
  "size_z": 37,
  "snr": 4.966520491595125,
  "spacing_tr": 2.0,
  "spacing_x": 3.0,
  "spacing_y": 3.0,
  "spacing_z": 3.299999952316284,
  "summary_bg_k": 15.423607633294974,
  "summary_bg_mad": 61.91161109370505,
  "summary_bg_mean": 864.8050537109375,
  "summary_bg_median": 58.85832595825195,
  "summary_bg_n": 149917.0,
  "summary_bg_p05": 5.111361026763916,
  "summary_bg_p95": 5795.738769531249,
  "summary_bg_stdv": 2317.52978515625,
  "summary_fg_k": 2.6046775366910104,
  "summary_fg_mad": 4252.999384132323,
  "summary_fg_mean": 24351.720703125,
  "summary_fg_median": 23750.763671875,
  "summary_fg_n": 44222.0,
  "summary_fg_p05": 17739.98544921875,
  "summary_fg_p95": 32381.089160156247,
  "summary_fg_stdv": 4782.11962890625,
  "tsnr": 67.17378234863281
}