{
  "aor": 0.0010486969696969696,
  "aqi": 0.009500423484848483,
  "bids_meta": {
    "AcquisitionNumber": 2,
    "BidsifyVersion": "0.3.5",
    "ConversionSoftware": "dcm2niix",
    "ConversionSoftwareVersion": "v1.0.20181125  GCC6.3.0",
    "EchoTime": 0.02762,
    "EffectiveEchoSpacing": 0.0006333282667071997,
    "ImageComments": "PIOP",
    "ImageOrientationPatientDICOM": [
      0.993213,
      -0.101701,
      0.0564305,
      0.115446,
      0.921011,
      -0.372035
    ],
    "Manufacturer": "Philips",
    "NumberOfVolumesDiscardedByScanner": 2,
    "ParallelAcquisitionTechnique": "SENSE",
    "ParallelReductionFactorInPlane": 2,
    "PatientPosition": "HFS",
    "PhaseEncodingDirection": "j",
    "PhilipsRescaleIntercept": 0,
    "PhilipsRescaleSlope": 0.78559,
    "PhilipsScaleSlope": 0.0846755,
    "ProtocolName": "WIPpiopfacesSENSE",
    "PulseSequenceType": "gradient echo EPI",
    "ReconMatrixPE": 80,
    "RepetitionTime": 0.75,
    "SeriesDescription": "ImageMRSERIES",
    "SeriesNumber": 2,
    "SliceEncodingDirection": "k",
    "SliceTiming": [
      0.0,
      0.06755050505050506,
      0.1351010101010101,
      0.20265151515151517,
      0.2702020202020202,
      0.3377525252525253,
      0.40530303030303033,
      0.47285353535353536,
      0.5404040404040404,
      0.6079545454545455,
      0.6755050505050506,
      0.7430555555555556,
      0.0,
      0.06755050505050506,
      0.1351010101010101,
      0.20265151515151517,
      0.2702020202020202,
      0.3377525252525253,
      0.40530303030303033,
      0.47285353535353536,
      0.5404040404040404,
      0.6079545454545455,
      0.6755050505050506,
      0.7430555555555556,
      0.0,
      0.06755050505050506,
      0.1351010101010101,
      0.20265151515151517,
      0.2702020202020202,
      0.3377525252525253,
      0.40530303030303033,
      0.47285353535353536,
      0.5404040404040404,
      0.6079545454545455,
      0.6755050505050506,
      0.7430555555555556
    ],
    "TaskName": "faces",
    "TotalReadoutTime": 0.024699802401580786,
    "UsePhilipsFloatNotDisplayScaling": 1,
    "acq_id": "mb3",
    "dataset": "ds002785",
    "modality": "bold",
    "subject_id": "0110",
    "task_id": "faces"
  },
  "dummy_trs": 0,
  "dvars_nstd": 30.40660748595745,
  "dvars_std": 1.1494741756231004,
  "dvars_vstd": 1.0131832486018246,
  "efc": 0.48659094733723135,
  "fber": 117854.5625,
  "fd_mean": 0.11557478935359805,
  "fd_num": 23,
  "fd_perc": 6.96969696969697,
  "fwhm_avg": 1.8800655642230744,
  "fwhm_x": 1.88275,
  "fwhm_y": 1.9579133333333332,
  "fwhm_z": 1.7995333593358902,
  "gcor": 0.0264245,
  "gsr_x": -0.022652141749858856,
  "gsr_y": 0.02465101145207882,
  "provenance": {
    "md5sum": "66fcd390b2764aff6b4d73864062ed64",
    "settings": {
      "fd_thres": 0.2,
      "testing": false
    },
    "software": "mriqc",
    "version": "22.0.0rc1",
    "webapi_port": null,
    "webapi_url": "https://mriqc.nimh.nih.gov/api/v1"
  },
  "size_t": 330,
  "size_x": 80,
  "size_y": 80,
  "size_z": 36,
  "snr": 6.089765777829925,
  "spacing_tr": 0.75,
  "spacing_x": 3.0,
  "spacing_y": 3.0,
  "spacing_z": 3.299999952316284,
  "summary_bg_k": 15.686768950454578,
  "summary_bg_mad": 57.85983060890305,
  "summary_bg_mean": 670.6021118164062,
  "summary_bg_median": 51.214759826660156,
  "summary_bg_n": 145265.0,
  "summary_bg_p05": 3.361328029632569,
  "summary_bg_p95": 4306.370214843748,
  "summary_bg_stdv": 1758.897216796875,
  "summary_fg_k": 1.4967654826117265,
  "summary_fg_mad": 2775.88018769848,
  "summary_fg_mean": 18383.0546875,
  "summary_fg_median": 18229.771484375,
  "summary_fg_n": 43247.0,
  "summary_fg_p05": 13767.9048828125,
  "summary_fg_p95": 23319.2873046875,
  "summary_fg_stdv": 2993.474853515625,
  "tsnr": 48.60614013671875
}