{
  "aor": 0.0024965983606557375,
  "aqi": 0.005409899016393442,
  "bids_meta": {
    "AcquisitionNumber": 3,
    "BidsifyVersion": "0.3.5",
    "ConversionSoftware": "dcm2niix",
    "ConversionSoftwareVersion": "v1.0.20181125  GCC6.3.0",
    "EchoTime": 0.02762,
    "EffectiveEchoSpacing": 0.0006621159151938905,
    "ImageComments": "PIOP",
    "ImageOrientationPatientDICOM": [
      0.993213,
      -0.101701,
      0.0564305,
      0.115446,
      0.921011,
      -0.372035
    ],
    "Manufacturer": "Philips",
    "NumberOfVolumesDiscardedByScanner": 2,
    "ParallelAcquisitionTechnique": "SENSE",
    "ParallelReductionFactorInPlane": 2,
    "PatientPosition": "HFS",
    "PhaseEncodingDirection": "j",
    "PhilipsRescaleIntercept": 0,
    "PhilipsRescaleSlope": 0.84664,
    "PhilipsScaleSlope": 0.0467197,
    "ProtocolName": "WIPpiopgstroopSENSE",
    "PulseSequenceType": "gradient echo EPI",
    "ReconMatrixPE": 80,
    "RepetitionTime": 2,
    "SeriesDescription": "ImageMRSERIES",
    "SeriesNumber": 3,
    "SliceEncodingDirection": "k",
    "SliceTiming": [
      0.0,
      0.0541,
      0.1081,
      0.1622,
      0.2162,
      0.2703,
      0.3243,
      0.3784,
      0.4324,
      0.4865,
      0.5405,
      0.5946,
      0.6486,
      0.7027,
      0.7568,
      0.8108,
      0.8649,
      0.9189,
      0.973,
      1.027,
      1.0811,
      1.1351,
      1.1892,
      1.2432,
      1.2973,
      1.3514,
      1.4054,
      1.4595,
      1.5135,
      1.5676,
      1.6216,
      1.6757,
      1.7297,
      1.7838,
      1.8378,
      1.8919,
      1.9459
    ],
    "TaskName": "gstroop",
    "TotalReadoutTime": 0.025822520692561732,
    "UsePhilipsFloatNotDisplayScaling": 1,
    "acq_id": "seq",
    "dataset": "ds002785",
    "modality": "bold",
    "subject_id": "0110",
    "task_id": "gstroop"
  },
  "dummy_trs": 1,
  "dvars_nstd": 23.457271113456766,
  "dvars_std": 1.2354807481481485,
  "dvars_vstd": 0.9920740109053502,
  "efc": 0.47877683993403664,
  "fber": 143045.03125,
  "fd_mean": 0.14902548277650704,
  "fd_num": 47,
  "fd_perc": 19.262295081967213,
  "fwhm_avg": 1.8486287964509538,
  "fwhm_x": 1.8414466666666665,
  "fwhm_y": 1.9247033333333334,
  "fwhm_z": 1.7797363893528617,
  "gcor": 0.0448222,
  "gsr_x": -0.02149159274995327,
  "gsr_y": 0.024821851402521133,
  "provenance": {
    "md5sum": "325bbbc686b2227d271fe4095136e0cf",
    "settings": {
      "fd_thres": 0.2,
      "testing": false
    },
    "software": "mriqc",
    "version": "22.0.0rc1",
    "webapi_port": null,
    "webapi_url": "https://mriqc.nimh.nih.gov/api/v1"
  },
  "size_t": 244,
  "size_x": 80,
  "size_y": 80,
  "size_z": 37,
  "snr": 4.991844363518175,
  "spacing_tr": 2.0,
  "spacing_x": 3.0,
  "spacing_y": 3.0,
  "spacing_z": 3.299999952316284,
  "summary_bg_k": 16.0358683827703,
  "summary_bg_mad": 69.50210869296654,
  "summary_bg_mean": 873.106201171875,
  "summary_bg_median": 61.516780853271484,
  "summary_bg_n": 150139.0,
  "summary_bg_p05": 3.8588624477386477,
  "summary_bg_p95": 5743.046337890625,
  "summary_bg_stdv": 2358.415771484375,
  "summary_fg_k": 2.755738499353142,
  "summary_fg_mad": 4355.2222009615725,
  "summary_fg_mean": 24956.337890625,
  "summary_fg_median": 24337.47265625,
  "summary_fg_n": 43999.0,
  "summary_fg_p05": 18307.7658203125,
  "summary_fg_p95": 33129.513281249994,
  "summary_fg_stdv": 4875.3916015625,
  "tsnr": 66.01657104492188
}