{
  "aor": 0.0005529559748427673,
  "aqi": 0.012299691886792452,
  "bids_meta": {
    "AcquisitionNumber": 6,
    "BidsifyVersion": "0.3.5",
    "ConversionSoftware": "dcm2niix",
    "ConversionSoftwareVersion": "v1.0.20181125  GCC6.3.0",
    "EchoTime": 0.02762,
    "EffectiveEchoSpacing": 0.0006333282667071997,
    "ImageComments": "PIOP",
    "ImageOrientationPatientDICOM": [
      0.993213,
      -0.101701,
      0.0564305,
      0.115446,
      0.921011,
      -0.372035
    ],
    "Manufacturer": "Philips",
    "NumberOfVolumesDiscardedByScanner": 2,
    "ParallelAcquisitionTechnique": "SENSE",
    "ParallelReductionFactorInPlane": 2,
    "PatientPosition": "HFS",
    "PhaseEncodingDirection": "j",
    "PhilipsRescaleIntercept": 0,
    "PhilipsRescaleSlope": 0.87839,
    "PhilipsScaleSlope": 0.0869285,
    "ProtocolName": "WIPpioprsSENSE",
    "PulseSequenceType": "gradient echo EPI",
    "ReconMatrixPE": 80,
    "RepetitionTime": 0.75,
    "SeriesDescription": "ImageMRSERIES",
    "SeriesNumber": 6,
    "SliceEncodingDirection": "k",
    "SliceTiming": [
      0.0,
      0.06755050505050506,
      0.1351010101010101,
      0.20265151515151517,
      0.2702020202020202,
      0.3377525252525253,
      0.40530303030303033,
      0.47285353535353536,
      0.5404040404040404,
      0.6079545454545455,
      0.6755050505050506,
      0.7430555555555556,
      0.0,
      0.06755050505050506,
      0.1351010101010101,
      0.20265151515151517,
      0.2702020202020202,
      0.3377525252525253,
      0.40530303030303033,
      0.47285353535353536,
      0.5404040404040404,
      0.6079545454545455,
      0.6755050505050506,
      0.7430555555555556,
      0.0,
      0.06755050505050506,
      0.1351010101010101,
      0.20265151515151517,
      0.2702020202020202,
      0.3377525252525253,
      0.40530303030303033,
      0.47285353535353536,
      0.5404040404040404,
      0.6079545454545455,
      0.6755050505050506,
      0.7430555555555556
    ],
    "TaskName": "restingstate",
    "TotalReadoutTime": 0.024699802401580786,
    "UsePhilipsFloatNotDisplayScaling": 1,
    "acq_id": "mb3",
    "dataset": "ds002785",
    "modality": "bold",
    "subject_id": "0110",
    "task_id": "restingstate"
  },
  "dummy_trs": 3,
  "dvars_nstd": 28.625684221176453,
  "dvars_std": 1.0900582353781518,
  "dvars_vstd": 0.9979518296218491,
  "efc": 0.4884684563594507,
  "fber": 109340.65625,
  "fd_mean": 0.10654891139854346,
  "fd_num": 37,
  "fd_perc": 7.756813417190775,
  "fwhm_avg": 1.8277199073751837,
  "fwhm_x": 1.8228066666666667,
  "fwhm_y": 1.9194166666666668,
  "fwhm_z": 1.7409363887922171,
  "gcor": 0.015835,
  "gsr_x": -0.02125953696668148,
  "gsr_y": 0.024793578311800957,
  "provenance": {
    "md5sum": "2e9b372e72dab7e780e8efec23b428fa",
    "settings": {
      "fd_thres": 0.2,
      "testing": false
    },
    "software": "mriqc",
    "version": "22.0.0rc1",
    "webapi_port": null,
    "webapi_url": "https://mriqc.nimh.nih.gov/api/v1"
  },
  "size_t": 477,
  "size_x": 80,
  "size_y": 80,
  "size_z": 36,
  "snr": 6.389968119366299,
  "spacing_tr": 0.75,
  "spacing_x": 3.0,
  "spacing_y": 3.0,
  "spacing_z": 3.299999952316284,
  "summary_bg_k": 14.78592988448749,
  "summary_bg_mad": 54.73538700529482,
  "summary_bg_mean": 624.5391845703125,
  "summary_bg_median": 49.06132507324219,
  "summary_bg_n": 145152.0,
  "summary_bg_p05": 3.3533867955207826,
  "summary_bg_p95": 4077.871850585929,
  "summary_bg_stdv": 1612.582763671875,
  "summary_fg_k": 1.9186450765734477,
  "summary_fg_mad": 2411.6819932154094,
  "summary_fg_mean": 16905.8515625,
  "summary_fg_median": 16774.462890625,
  "summary_fg_n": 43494.0,
  "summary_fg_p05": 12943.80966796875,
  "summary_fg_p95": 21222.748339843747,
  "summary_fg_stdv": 2625.094482421875,
  "tsnr": 45.22835922241211
}