{
  "bids_meta": {
    "AcquisitionNumber": 4,
    "BidsifyVersion": "0.3.5",
    "ConversionSoftware": "dcm2niix",
    "ConversionSoftwareVersion": "v1.0.20181125  GCC6.3.0",
    "EchoTime": 0.00381,
    "ImageComments": "piop",
    "ImageOrientationPatientDICOM": [
      0.997187,
      0.0689833,
      0.0293044,
      -0.0651843,
      0.991203,
      -0.115187
    ],
    "Manufacturer": "Philips",
    "PatientPosition": "HFS",
    "PhilipsRescaleIntercept": 0,
    "PhilipsRescaleSlope": 9.337,
    "PhilipsScaleSlope": 0.00707742,
    "ProtocolName": "WIPt13dSENSE",
    "ReconMatrixPE": 240,
    "RepetitionTime": 0.008274,
    "SeriesDescription": "ImageMRSERIES",
    "SeriesNumber": 4,
    "UsePhilipsFloatNotDisplayScaling": 1,
    "dataset": "ds002785",
    "modality": "T1w",
    "subject_id": "0154"
  },
  "cjv": 0.3432730696344156,
  "cnr": 3.6529407446643805,
  "efc": 0.7603101963929699,
  "fber": 223.94117736816406,
  "fwhm_avg": 3.5065533333333327,
  "fwhm_x": 3.48142,
  "fwhm_y": 3.67222,
  "fwhm_z": 3.36602,
  "icvs_csf": 0.19792514015223095,
  "icvs_gm": 0.42609302622921136,
  "icvs_wm": 0.3759818336185577,
  "inu_med": 1.310955286026001,
  "inu_range": 0.37394306659698495,
  "provenance": {
    "md5sum": "358a3646c2eb6b88ed2ddc57f4518a28",
    "settings": {
      "testing": false
    },
    "software": "mriqc",
    "version": "22.0.0rc1",
    "warnings": {
      "large_rot_frame": true,
      "small_air_mask": true
    },
    "webapi_port": null,
    "webapi_url": "https://mriqc.nimh.nih.gov/api/v1"
  },
  "qi_1": 0.0,
  "qi_2": 9.518979431925432e-05,
  "rpve_csf": 26.969245665410014,
  "rpve_gm": 13.622835528525869,
  "rpve_wm": 19.616113839998132,
  "size_x": 240,
  "size_y": 240,
  "size_z": 220,
  "snr_csf": 1.5842134238727317,
  "snr_gm": 7.109156385068748,
  "snr_total": 9.724251701110457,
  "snr_wm": 20.479385294389893,
  "snrd_csf": 13.433796898233977,
  "snrd_gm": 42.269536400417046,
  "snrd_total": 40.986367188730405,
  "snrd_wm": 67.25576826754019,
  "spacing_x": 1.0,
  "spacing_y": 1.0,
  "spacing_z": 1.0,
  "summary_bg_k": 2.524376524999216,
  "summary_bg_mad": 9.74089265795987,
  "summary_bg_mean": 14.875703811645508,
  "summary_bg_median": 13.09968090057373,
  "summary_bg_n": 217329.0,
  "summary_bg_p05": 0.0,
  "summary_bg_p95": 39.171974182128906,
  "summary_bg_stdv": 11.992008209228516,
  "summary_csf_k": -0.6836401038269604,
  "summary_csf_mad": 130.96827853785604,
  "summary_csf_mean": 232.43975830078125,
  "summary_csf_median": 199.7403564453125,
  "summary_csf_n": 5333.0,
  "summary_csf_p05": 69.63080596923828,
  "summary_csf_p95": 456.24124145507807,
  "summary_csf_stdv": 126.06990051269531,
  "summary_gm_k": 0.18878961326787458,
  "summary_gm_mad": 84.22011307188838,
  "summary_gm_mean": 631.7924194335938,
  "summary_gm_median": 628.4844360351562,
  "summary_gm_n": 18259.0,
  "summary_gm_p05": 490.2783630371094,
  "summary_gm_p95": 786.7563049316407,
  "summary_gm_stdv": 88.40250396728516,
  "summary_wm_k": 1.199122736255049,
  "summary_wm_mad": 43.30847221470267,
  "summary_wm_mean": 997.639404296875,
  "summary_wm_median": 999.9921264648438,
  "summary_wm_n": 217557.0,
  "summary_wm_p05": 913.7157592773438,
  "summary_wm_p95": 1072.612744140625,
  "summary_wm_stdv": 48.82909393310547,
  "tpm_overlap_csf": 0.1595025360584259,
  "tpm_overlap_gm": 0.4257931411266327,
  "tpm_overlap_wm": 0.4878096580505371,
  "wm2max": 0.6355048685628131
}