{
  "aor": 0.0016172592592592593,
  "aqi": 0.00334924562962963,
  "bids_meta": {
    "AcquisitionNumber": 5,
    "BidsifyVersion": "0.3.5",
    "ConversionSoftware": "dcm2niix",
    "ConversionSoftwareVersion": "v1.0.20181125  GCC6.3.0",
    "EchoTime": 0.02762,
    "EffectiveEchoSpacing": 0.0006621159151938905,
    "ImageComments": "PIOP",
    "ImageOrientationPatientDICOM": [
      0.998638,
      -0.0422382,
      -0.0306133,
      0.0392366,
      0.994914,
      -0.092775
    ],
    "Manufacturer": "Philips",
    "NumberOfVolumesDiscardedByScanner": 2,
    "ParallelAcquisitionTechnique": "SENSE",
    "ParallelReductionFactorInPlane": 2,
    "PatientPosition": "HFS",
    "PhaseEncodingDirection": "j",
    "PhilipsRescaleIntercept": 0,
    "PhilipsRescaleSlope": 0.82076,
    "PhilipsScaleSlope": 0.0609585,
    "ProtocolName": "WIPpiopharririSENSE",
    "PulseSequenceType": "gradient echo EPI",
    "ReconMatrixPE": 80,
    "RepetitionTime": 2,
    "SeriesDescription": "ImageMRSERIES",
    "SeriesNumber": 5,
    "SliceEncodingDirection": "k",
    "SliceTiming": [
      0.0,
      0.0541,
      0.1081,
      0.1622,
      0.2162,
      0.2703,
      0.3243,
      0.3784,
      0.4324,
      0.4865,
      0.5405,
      0.5946,
      0.6486,
      0.7027,
      0.7568,
      0.8108,
      0.8649,
      0.9189,
      0.973,
      1.027,
      1.0811,
      1.1351,
      1.1892,
      1.2432,
      1.2973,
      1.3514,
      1.4054,
      1.4595,
      1.5135,
      1.5676,
      1.6216,
      1.6757,
      1.7297,
      1.7838,
      1.8378,
      1.8919,
      1.9459
    ],
    "TaskName": "emomatching",
    "TotalReadoutTime": 0.025822520692561732,
    "UsePhilipsFloatNotDisplayScaling": 1,
    "acq_id": "seq",
    "dataset": "ds002785",
    "modality": "bold",
    "subject_id": "0181",
    "task_id": "emomatching"
  },
  "dummy_trs": 0,
  "dvars_nstd": 16.95923730544776,
  "dvars_std": 1.1385943422388063,
  "dvars_vstd": 1.0061336192537313,
  "efc": 0.4154289750945857,
  "fber": 213226.359375,
  "fd_mean": 0.10966061225959711,
  "fd_num": 7,
  "fd_perc": 5.185185185185185,
  "fwhm_avg": 2.0366620295067963,
  "fwhm_x": 1.9819666666666667,
  "fwhm_y": 2.19618,
  "fwhm_z": 1.9318394218537218,
  "gcor": 0.0296195,
  "gsr_x": -0.020491361618041992,
  "gsr_y": 0.019492849707603455,
  "provenance": {
    "md5sum": "03fc1bcc9ed49c23e2761057f6090891",
    "settings": {
      "fd_thres": 0.2,
      "testing": false
    },
    "software": "mriqc",
    "version": "22.0.0rc1",
    "webapi_port": null,
    "webapi_url": "https://mriqc.nimh.nih.gov/api/v1"
  },
  "size_t": 135,
  "size_x": 80,
  "size_y": 80,
  "size_z": 37,
  "snr": 5.552716952091891,
  "spacing_tr": 2.0,
  "spacing_x": 3.0,
  "spacing_y": 3.0,
  "spacing_z": 3.299999952316284,
  "summary_bg_k": 123.62204650247183,
  "summary_bg_mad": 50.30837274529749,
  "summary_bg_mean": 454.3985595703125,
  "summary_bg_median": 48.22199249267578,
  "summary_bg_n": 161401.0,
  "summary_bg_p05": 3.1316275596618652,
  "summary_bg_p95": 2408.77880859375,
  "summary_bg_stdv": 1524.4085693359375,
  "summary_fg_k": 1.4631508599842116,
  "summary_fg_mad": 3711.607782805034,
  "summary_fg_mean": 23471.919921875,
  "summary_fg_median": 22981.970703125,
  "summary_fg_n": 34545.0,
  "summary_fg_p05": 17555.757421875,
  "summary_fg_p95": 30892.821484375,
  "summary_fg_stdv": 4138.8095703125,
  "tsnr": 93.26129150390625
}