{
  "aor": 0.001666204081632653,
  "aqi": 0.006751691306122449,
  "bids_meta": {
    "AcquisitionNumber": 3,
    "BidsifyVersion": "0.3.5",
    "ConversionSoftware": "dcm2niix",
    "ConversionSoftwareVersion": "v1.0.20181125  GCC6.3.0",
    "EchoTime": 0.02762,
    "EffectiveEchoSpacing": 0.0006621159151938905,
    "ImageComments": "piop",
    "ImageOrientationPatientDICOM": [
      0.999721,
      -0.0227842,
      0.006244,
      0.0235597,
      0.981062,
      -0.192257
    ],
    "Manufacturer": "Philips",
    "NumberOfVolumesDiscardedByScanner": 2,
    "ParallelAcquisitionTechnique": "SENSE",
    "ParallelReductionFactorInPlane": 2,
    "PatientPosition": "HFS",
    "PhaseEncodingDirection": "j",
    "PhilipsRescaleIntercept": 0,
    "PhilipsRescaleSlope": 0.76703,
    "PhilipsScaleSlope": 0.0542884,
    "ProtocolName": "WIPpiopgstroopSENSE",
    "PulseSequenceType": "gradient echo EPI",
    "ReconMatrixPE": 80,
    "RepetitionTime": 2,
    "SeriesDescription": "ImageMRSERIES",
    "SeriesNumber": 3,
    "SliceEncodingDirection": "k",
    "SliceTiming": [
      0.0,
      0.0541,
      0.1081,
      0.1622,
      0.2162,
      0.2703,
      0.3243,
      0.3784,
      0.4324,
      0.4865,
      0.5405,
      0.5946,
      0.6486,
      0.7027,
      0.7568,
      0.8108,
      0.8649,
      0.9189,
      0.973,
      1.027,
      1.0811,
      1.1351,
      1.1892,
      1.2432,
      1.2973,
      1.3514,
      1.4054,
      1.4595,
      1.5135,
      1.5676,
      1.6216,
      1.6757,
      1.7297,
      1.7838,
      1.8378,
      1.8919,
      1.9459
    ],
    "TaskName": "gstroop",
    "TotalReadoutTime": 0.025822520692561732,
    "UsePhilipsFloatNotDisplayScaling": 1,
    "acq_id": "seq",
    "dataset": "ds002785",
    "modality": "bold",
    "subject_id": "0004",
    "task_id": "gstroop"
  },
  "dummy_trs": 0,
  "dvars_nstd": 20.649420866967205,
  "dvars_std": 1.1889125415573767,
  "dvars_vstd": 0.9826718835655739,
  "efc": 0.4126151991797573,
  "fber": 180195.9375,
  "fd_mean": 0.1608130827904662,
  "fd_num": 60,
  "fd_perc": 24.489795918367346,
  "fwhm_avg": 1.7176687957763177,
  "fwhm_x": 1.6368366666666667,
  "fwhm_y": 1.8765,
  "fwhm_z": 1.6396697206622866,
  "gcor": 0.0289189,
  "gsr_x": -0.02600734308362007,
  "gsr_y": 0.012292588129639626,
  "provenance": {
    "md5sum": "2149e08c2a1dbbcd7381980ce6f4ad10",
    "settings": {
      "fd_thres": 0.2,
      "testing": false
    },
    "software": "mriqc",
    "version": "22.0.0rc1",
    "webapi_port": null,
    "webapi_url": "https://mriqc.nimh.nih.gov/api/v1"
  },
  "size_t": 245,
  "size_x": 80,
  "size_y": 80,
  "size_z": 37,
  "snr": 5.692729854933128,
  "spacing_tr": 2.0,
  "spacing_x": 3.0,
  "spacing_y": 3.0,
  "spacing_z": 3.299999952316284,
  "summary_bg_k": 63.66134308826511,
  "summary_bg_mad": 60.39607020286448,
  "summary_bg_mean": 555.4968872070312,
  "summary_bg_median": 61.44583511352539,
  "summary_bg_n": 162155.0,
  "summary_bg_p05": 5.726472711563111,
  "summary_bg_p95": 2389.4796874999834,
  "summary_bg_stdv": 1960.468994140625,
  "summary_fg_k": 2.141377249414208,
  "summary_fg_mad": 4396.2485842267815,
  "summary_fg_mean": 27193.634765625,
  "summary_fg_median": 26805.921875,
  "summary_fg_n": 33768.0,
  "summary_fg_p05": 20452.21630859375,
  "summary_fg_p95": 34896.330273437496,
  "summary_fg_stdv": 4708.7294921875,
  "tsnr": 70.89884185791016
}