{
  "aor": 0.0008624545454545456,
  "aqi": 0.007324486727272728,
  "bids_meta": {
    "AcquisitionNumber": 2,
    "BidsifyVersion": "0.3.5",
    "ConversionSoftware": "dcm2niix",
    "ConversionSoftwareVersion": "v1.0.20181125  GCC6.3.0",
    "EchoTime": 0.02762,
    "EffectiveEchoSpacing": 0.0006333282667071997,
    "ImageComments": "piop",
    "ImageOrientationPatientDICOM": [
      0.99959,
      -0.0279865,
      0.00600882,
      0.0286195,
      0.980994,
      -0.191915
    ],
    "Manufacturer": "Philips",
    "NumberOfVolumesDiscardedByScanner": 2,
    "ParallelAcquisitionTechnique": "SENSE",
    "ParallelReductionFactorInPlane": 2,
    "PatientPosition": "HFS",
    "PhaseEncodingDirection": "j",
    "PhilipsRescaleIntercept": 0,
    "PhilipsRescaleSlope": 0.81807,
    "PhilipsScaleSlope": 0.0918612,
    "ProtocolName": "WIPpiopfacesSENSE",
    "PulseSequenceType": "gradient echo EPI",
    "ReconMatrixPE": 80,
    "RepetitionTime": 0.75,
    "SeriesDescription": "ImageMRSERIES",
    "SeriesNumber": 2,
    "SliceEncodingDirection": "k",
    "SliceTiming": [
      0.0,
      0.06755050505050506,
      0.1351010101010101,
      0.20265151515151517,
      0.2702020202020202,
      0.3377525252525253,
      0.40530303030303033,
      0.47285353535353536,
      0.5404040404040404,
      0.6079545454545455,
      0.6755050505050506,
      0.7430555555555556,
      0.0,
      0.06755050505050506,
      0.1351010101010101,
      0.20265151515151517,
      0.2702020202020202,
      0.3377525252525253,
      0.40530303030303033,
      0.47285353535353536,
      0.5404040404040404,
      0.6079545454545455,
      0.6755050505050506,
      0.7430555555555556,
      0.0,
      0.06755050505050506,
      0.1351010101010101,
      0.20265151515151517,
      0.2702020202020202,
      0.3377525252525253,
      0.40530303030303033,
      0.47285353535353536,
      0.5404040404040404,
      0.6079545454545455,
      0.6755050505050506,
      0.7430555555555556
    ],
    "TaskName": "faces",
    "TotalReadoutTime": 0.024699802401580786,
    "UsePhilipsFloatNotDisplayScaling": 1,
    "acq_id": "mb3",
    "dataset": "ds002785",
    "modality": "bold",
    "subject_id": "0004",
    "task_id": "faces"
  },
  "dummy_trs": 0,
  "dvars_nstd": 23.69009837139816,
  "dvars_std": 1.115575939027355,
  "dvars_vstd": 1.0115760361398178,
  "efc": 0.4184127656019909,
  "fber": 176617.125,
  "fd_mean": 0.11284422829394096,
  "fd_num": 24,
  "fd_perc": 7.2727272727272725,
  "fwhm_avg": 1.7726928363022747,
  "fwhm_x": 1.7047299999999999,
  "fwhm_y": 1.9483666666666668,
  "fwhm_z": 1.6649818422401579,
  "gcor": 0.025047,
  "gsr_x": -0.02757895365357399,
  "gsr_y": 0.011556309647858143,
  "provenance": {
    "md5sum": "46133b4124f1ec1b860231c14bcd8b0a",
    "settings": {
      "fd_thres": 0.2,
      "testing": false
    },
    "software": "mriqc",
    "version": "22.0.0rc1",
    "webapi_port": null,
    "webapi_url": "https://mriqc.nimh.nih.gov/api/v1"
  },
  "size_t": 330,
  "size_x": 80,
  "size_y": 80,
  "size_z": 36,
  "snr": 6.5001901147218275,
  "spacing_tr": 0.75,
  "spacing_x": 3.0,
  "spacing_y": 3.0,
  "spacing_z": 3.299999952316284,
  "summary_bg_k": 50.60617070524043,
  "summary_bg_mad": 43.17278612175588,
  "summary_bg_mean": 379.67431640625,
  "summary_bg_median": 41.148338317871094,
  "summary_bg_n": 157076.0,
  "summary_bg_p05": 2.9527626037597656,
  "summary_bg_p95": 1668.7703247070312,
  "summary_bg_stdv": 1265.9224853515625,
  "summary_fg_k": 1.4147926866525724,
  "summary_fg_mad": 2548.8610665509964,
  "summary_fg_mean": 17827.046875,
  "summary_fg_median": 17766.37109375,
  "summary_fg_n": 33194.0,
  "summary_fg_p05": 13560.451855468751,
  "summary_fg_p95": 22253.2443359375,
  "summary_fg_stdv": 2733.166748046875,
  "tsnr": 57.653907775878906
}