{
  "bids_meta": {
    "AcquisitionNumber": 4,
    "BidsifyVersion": "0.3.5",
    "ConversionSoftware": "dcm2niix",
    "ConversionSoftwareVersion": "v1.0.20181125  GCC6.3.0",
    "EchoTime": 0.00378,
    "ImageComments": "piop",
    "ImageOrientationPatientDICOM": [
      0.998583,
      -0.0469261,
      0.0251087,
      0.0446468,
      0.995405,
      0.0847099
    ],
    "Manufacturer": "Philips",
    "PatientPosition": "HFS",
    "PhilipsRescaleIntercept": 0,
    "PhilipsRescaleSlope": 8.77875,
    "PhilipsScaleSlope": 0.00745763,
    "ProtocolName": "WIPt13dSENSE",
    "ReconMatrixPE": 240,
    "RepetitionTime": 0.00822,
    "SeriesDescription": "ImageMRSERIES",
    "SeriesNumber": 4,
    "UsePhilipsFloatNotDisplayScaling": 1,
    "dataset": "ds002785",
    "modality": "T1w",
    "subject_id": "0127"
  },
  "cjv": 0.3073703960563813,
  "cnr": 4.158180993617503,
  "efc": 0.7596114401316245,
  "fber": 1577.7257080078125,
  "fwhm_avg": 3.6159734773820724,
  "fwhm_x": 3.59771,
  "fwhm_y": 3.796700226300968,
  "fwhm_z": 3.453510205845249,
  "icvs_csf": 0.18879194413092804,
  "icvs_gm": 0.4405178512462002,
  "icvs_wm": 0.3706902046228718,
  "inu_med": 2.043139934539795,
  "inu_range": 0.5268344879150391,
  "provenance": {
    "md5sum": "8be5b656cb3839821a866c45ca76ac83",
    "settings": {
      "testing": false
    },
    "software": "mriqc",
    "version": "22.0.0rc1",
    "warnings": {
      "large_rot_frame": true,
      "small_air_mask": true
    },
    "webapi_port": null,
    "webapi_url": "https://mriqc.nimh.nih.gov/api/v1"
  },
  "qi_1": 0.0,
  "qi_2": 0.00030484379961781403,
  "rpve_csf": 28.59958457135317,
  "rpve_gm": 13.885035417814672,
  "rpve_wm": 20.344134307342532,
  "size_x": 240,
  "size_y": 240,
  "size_z": 220,
  "snr_csf": 1.6064520301295944,
  "snr_gm": 7.227958934538554,
  "snr_total": 9.472662782263223,
  "snr_wm": 19.58357738212152,
  "snrd_csf": 22.562437561407123,
  "snrd_gm": 46.00814948180265,
  "snrd_total": 48.62822774783307,
  "snrd_wm": 77.31409620028944,
  "spacing_x": 1.0,
  "spacing_y": 0.9999999403953552,
  "spacing_z": 0.9999999403953552,
  "summary_bg_k": 101.74656389779975,
  "summary_bg_mad": 8.473432101019341,
  "summary_bg_mean": 11.257821083068848,
  "summary_bg_median": 11.434471130371094,
  "summary_bg_n": 135442.0,
  "summary_bg_p05": 0.0,
  "summary_bg_p95": 29.140116786956785,
  "summary_bg_stdv": 9.858977317810059,
  "summary_csf_k": 60.076589282312746,
  "summary_csf_mad": 134.71645512425812,
  "summary_csf_mean": 272.92791748046875,
  "summary_csf_median": 291.8190612792969,
  "summary_csf_n": 7853.0,
  "summary_csf_p05": 59.575732421875,
  "summary_csf_p95": 428.7243774414062,
  "summary_csf_stdv": 181.642822265625,
  "summary_gm_k": 0.12697646651465266,
  "summary_gm_mad": 78.84491085751205,
  "summary_gm_mean": 596.6622314453125,
  "summary_gm_median": 595.062255859375,
  "summary_gm_n": 22784.0,
  "summary_gm_p05": 462.40279083251954,
  "summary_gm_p95": 738.4399963378906,
  "summary_gm_stdv": 82.32603454589844,
  "summary_wm_k": 1.1651976426632258,
  "summary_wm_mad": 45.61128357069208,
  "summary_wm_mean": 997.9105224609375,
  "summary_wm_median": 999.968505859375,
  "summary_wm_n": 214498.0,
  "summary_wm_p05": 910.9385498046875,
  "summary_wm_p95": 1076.8565673828125,
  "summary_wm_stdv": 51.061466217041016,
  "tpm_overlap_csf": 0.1743411123752594,
  "tpm_overlap_gm": 0.4546084702014923,
  "tpm_overlap_wm": 0.5185052156448364,
  "wm2max": 0.7122093904475963
}