{
  "bids_meta": {
    "AcquisitionNumber": 4,
    "BidsifyVersion": "0.3.5",
    "ConversionSoftware": "dcm2niix",
    "ConversionSoftwareVersion": "v1.0.20181125  GCC6.3.0",
    "EchoTime": 0.00374,
    "ImageComments": "piop",
    "ImageOrientationPatientDICOM": [
      0.998816,
      -0.0263099,
      -0.0409219,
      0.0282484,
      0.99847,
      0.0475376
    ],
    "Manufacturer": "Philips",
    "PatientPosition": "HFS",
    "PhilipsRescaleIntercept": 0,
    "PhilipsRescaleSlope": 8.04664,
    "PhilipsScaleSlope": 0.00727279,
    "ProtocolName": "WIPt13dSENSE",
    "ReconMatrixPE": 240,
    "RepetitionTime": 0.008168,
    "SeriesDescription": "ImageMRSERIES",
    "SeriesNumber": 4,
    "UsePhilipsFloatNotDisplayScaling": 1,
    "dataset": "ds002785",
    "modality": "T1w",
    "subject_id": "0112"
  },
  "cjv": 0.3147734046102243,
  "cnr": 3.9960206340477225,
  "efc": 0.7522303042944898,
  "fber": 1289.755126953125,
  "fwhm_avg": 3.4233062585767597,
  "fwhm_x": 3.352319600372362,
  "fwhm_y": 3.6514495647132916,
  "fwhm_z": 3.2661496106446255,
  "icvs_csf": 0.20289889653514986,
  "icvs_gm": 0.4370076055215318,
  "icvs_wm": 0.36009349794331835,
  "inu_med": 1.252596139907837,
  "inu_range": 0.36336442828178406,
  "provenance": {
    "md5sum": "969ff7c0bd5f6ff0888a4310161cf8f6",
    "settings": {
      "testing": false
    },
    "software": "mriqc",
    "version": "22.0.0rc1",
    "warnings": {
      "large_rot_frame": true,
      "small_air_mask": true
    },
    "webapi_port": null,
    "webapi_url": "https://mriqc.nimh.nih.gov/api/v1"
  },
  "qi_1": 0.0,
  "qi_2": 0.00018896266410244327,
  "rpve_csf": 30.46810222214684,
  "rpve_gm": 15.498796971987165,
  "rpve_wm": 23.410387213109274,
  "size_x": 240,
  "size_y": 240,
  "size_z": 220,
  "snr_csf": 3.586028353220016,
  "snr_gm": 7.224771041093973,
  "snr_total": 9.983764699368438,
  "snr_wm": 19.140494703791322,
  "snrd_csf": 23.66165061873362,
  "snrd_gm": 38.26449917458688,
  "snrd_total": 41.78318262495676,
  "snrd_wm": 63.423398081549756,
  "spacing_x": 1.0000001192092896,
  "spacing_y": 1.0000001192092896,
  "spacing_z": 1.0000001192092896,
  "summary_bg_k": 206.1779592226365,
  "summary_bg_mad": 10.329443077922695,
  "summary_bg_mean": 13.586860656738281,
  "summary_bg_median": 13.937342643737793,
  "summary_bg_n": 156569.0,
  "summary_bg_p05": 0.0,
  "summary_bg_p95": 35.14806976318359,
  "summary_bg_stdv": 12.322080612182617,
  "summary_csf_k": 2.416180495954711,
  "summary_csf_mad": 71.79779954956211,
  "summary_csf_mean": 349.5815734863281,
  "summary_csf_median": 373.0699157714844,
  "summary_csf_n": 3653.0,
  "summary_csf_p05": 115.30276184082032,
  "summary_csf_p95": 473.5300903320312,
  "summary_csf_stdv": 104.02005004882812,
  "summary_gm_k": 0.2324016254876624,
  "summary_gm_mad": 79.94197677523987,
  "summary_gm_mean": 606.11669921875,
  "summary_gm_median": 603.3109741210938,
  "summary_gm_n": 16449.0,
  "summary_gm_p05": 472.0324340820313,
  "summary_gm_p95": 750.585693359375,
  "summary_gm_stdv": 83.50335693359375,
  "summary_wm_k": 1.4479943506262618,
  "summary_wm_mad": 44.92133602339008,
  "summary_wm_mean": 995.6799926757812,
  "summary_wm_median": 999.98779296875,
  "summary_wm_n": 168760.0,
  "summary_wm_p05": 901.0667938232422,
  "summary_wm_p95": 1072.0359436035155,
  "summary_wm_stdv": 52.24446105957031,
  "tpm_overlap_csf": 0.1488536149263382,
  "tpm_overlap_gm": 0.45148950815200806,
  "tpm_overlap_wm": 0.49391278624534607,
  "wm2max": 0.6066696542993589
}