{
  "aor": 0.00769202928870293,
  "aqi": 0.021132191443514647,
  "bids_meta": {
    "AcquisitionNumber": 7,
    "BidsifyVersion": "0.3.5",
    "ConversionSoftware": "dcm2niix",
    "ConversionSoftwareVersion": "v1.0.20181125  GCC6.3.0",
    "EchoTime": 0.02762,
    "EffectiveEchoSpacing": 0.0006333282667071997,
    "ImageComments": "PIOP",
    "ImageOrientationPatientDICOM": [
      0.999326,
      -0.0367115,
      0.000784814,
      0.0352465,
      0.953015,
      -0.300865
    ],
    "Manufacturer": "Philips",
    "NumberOfVolumesDiscardedByScanner": 2,
    "ParallelAcquisitionTechnique": "SENSE",
    "ParallelReductionFactorInPlane": 2,
    "PatientPosition": "HFS",
    "PhaseEncodingDirection": "j",
    "PhilipsRescaleIntercept": 0,
    "PhilipsRescaleSlope": 0.80147,
    "PhilipsScaleSlope": 0.0858044,
    "ProtocolName": "WIPpioprsSENSE",
    "PulseSequenceType": "gradient echo EPI",
    "ReconMatrixPE": 80,
    "RepetitionTime": 0.75,
    "SeriesDescription": "ImageMRSERIES",
    "SeriesNumber": 7,
    "SliceEncodingDirection": "k",
    "SliceTiming": [
      0.0,
      0.06755050505050506,
      0.1351010101010101,
      0.20265151515151517,
      0.2702020202020202,
      0.3377525252525253,
      0.40530303030303033,
      0.47285353535353536,
      0.5404040404040404,
      0.6079545454545455,
      0.6755050505050506,
      0.7430555555555556,
      0.0,
      0.06755050505050506,
      0.1351010101010101,
      0.20265151515151517,
      0.2702020202020202,
      0.3377525252525253,
      0.40530303030303033,
      0.47285353535353536,
      0.5404040404040404,
      0.6079545454545455,
      0.6755050505050506,
      0.7430555555555556,
      0.0,
      0.06755050505050506,
      0.1351010101010101,
      0.20265151515151517,
      0.2702020202020202,
      0.3377525252525253,
      0.40530303030303033,
      0.47285353535353536,
      0.5404040404040404,
      0.6079545454545455,
      0.6755050505050506,
      0.7430555555555556
    ],
    "TaskName": "restingstate",
    "TotalReadoutTime": 0.024699802401580786,
    "UsePhilipsFloatNotDisplayScaling": 1,
    "acq_id": "mb3",
    "dataset": "ds002785",
    "modality": "bold",
    "subject_id": "0125",
    "task_id": "restingstate"
  },
  "dummy_trs": 2,
  "dvars_nstd": 33.3476172631237,
  "dvars_std": 1.1930042720545089,
  "dvars_vstd": 1.097039273668764,
  "efc": 0.4651732402014939,
  "fber": 102512.546875,
  "fd_mean": 0.17572784439241623,
  "fd_num": 108,
  "fd_perc": 22.594142259414227,
  "fwhm_avg": 1.8254028367187447,
  "fwhm_x": 1.7977466666666666,
  "fwhm_y": 1.9270133333333332,
  "fwhm_z": 1.7514485101562343,
  "gcor": 0.0325623,
  "gsr_x": -0.013940469361841679,
  "gsr_y": 0.013998468406498432,
  "provenance": {
    "md5sum": "db2caae7884c9307ee4e2e2434300b92",
    "settings": {
      "fd_thres": 0.2,
      "testing": false
    },
    "software": "mriqc",
    "version": "22.0.0rc1",
    "webapi_port": null,
    "webapi_url": "https://mriqc.nimh.nih.gov/api/v1"
  },
  "size_t": 478,
  "size_x": 80,
  "size_y": 80,
  "size_z": 36,
  "snr": 6.579266667548075,
  "spacing_tr": 0.75,
  "spacing_x": 3.0,
  "spacing_y": 3.0,
  "spacing_z": 3.299999952316284,
  "summary_bg_k": 24.228443251472495,
  "summary_bg_mad": 68.74154717014288,
  "summary_bg_mean": 647.7778930664062,
  "summary_bg_median": 57.59415817260742,
  "summary_bg_n": 151043.0,
  "summary_bg_p05": 4.740471506118775,
  "summary_bg_p95": 3570.930346679686,
  "summary_bg_stdv": 1575.31884765625,
  "summary_fg_k": 1.0866763830872008,
  "summary_fg_mad": 2712.776930773335,
  "summary_fg_mean": 18733.677734375,
  "summary_fg_median": 18692.171875,
  "summary_fg_n": 38058.0,
  "summary_fg_p05": 14312.307958984375,
  "summary_fg_p95": 23368.53076171875,
  "summary_fg_stdv": 2841.034912109375,
  "tsnr": 33.6146240234375
}