{
  "aor": 0.000785,
  "aqi": 0.007647677151515151,
  "bids_meta": {
    "AcquisitionNumber": 2,
    "BidsifyVersion": "0.3.5",
    "ConversionSoftware": "dcm2niix",
    "ConversionSoftwareVersion": "v1.0.20181125  GCC6.3.0",
    "EchoTime": 0.02762,
    "EffectiveEchoSpacing": 0.0006333282667071997,
    "ImageComments": "PIOP",
    "ImageOrientationPatientDICOM": [
      0.999326,
      -0.0367115,
      0.000784814,
      0.0352465,
      0.953015,
      -0.300865
    ],
    "Manufacturer": "Philips",
    "NumberOfVolumesDiscardedByScanner": 2,
    "ParallelAcquisitionTechnique": "SENSE",
    "ParallelReductionFactorInPlane": 2,
    "PatientPosition": "HFS",
    "PhaseEncodingDirection": "j",
    "PhilipsRescaleIntercept": 0,
    "PhilipsRescaleSlope": 0.83248,
    "PhilipsScaleSlope": 0.0891433,
    "ProtocolName": "WIPpiopfacesSENSE",
    "PulseSequenceType": "gradient echo EPI",
    "ReconMatrixPE": 80,
    "RepetitionTime": 0.75,
    "SeriesDescription": "ImageMRSERIES",
    "SeriesNumber": 2,
    "SliceEncodingDirection": "k",
    "SliceTiming": [
      0.0,
      0.06755050505050506,
      0.1351010101010101,
      0.20265151515151517,
      0.2702020202020202,
      0.3377525252525253,
      0.40530303030303033,
      0.47285353535353536,
      0.5404040404040404,
      0.6079545454545455,
      0.6755050505050506,
      0.7430555555555556,
      0.0,
      0.06755050505050506,
      0.1351010101010101,
      0.20265151515151517,
      0.2702020202020202,
      0.3377525252525253,
      0.40530303030303033,
      0.47285353535353536,
      0.5404040404040404,
      0.6079545454545455,
      0.6755050505050506,
      0.7430555555555556,
      0.0,
      0.06755050505050506,
      0.1351010101010101,
      0.20265151515151517,
      0.2702020202020202,
      0.3377525252525253,
      0.40530303030303033,
      0.47285353535353536,
      0.5404040404040404,
      0.6079545454545455,
      0.6755050505050506,
      0.7430555555555556
    ],
    "TaskName": "faces",
    "TotalReadoutTime": 0.024699802401580786,
    "UsePhilipsFloatNotDisplayScaling": 1,
    "acq_id": "mb3",
    "dataset": "ds002785",
    "modality": "bold",
    "subject_id": "0125",
    "task_id": "faces"
  },
  "dummy_trs": 0,
  "dvars_nstd": 24.47824067115504,
  "dvars_std": 1.1412595932522798,
  "dvars_vstd": 1.0116660273556235,
  "efc": 0.46585674592135795,
  "fber": 112850.6171875,
  "fd_mean": 0.1245654567145406,
  "fd_num": 28,
  "fd_perc": 8.484848484848484,
  "fwhm_avg": 2.0478991461372598,
  "fwhm_x": 2.0480899999999997,
  "fwhm_y": 2.1845466666666664,
  "fwhm_z": 1.911060771745113,
  "gcor": 0.0316866,
  "gsr_x": -0.014572896994650364,
  "gsr_y": 0.01236608438193798,
  "provenance": {
    "md5sum": "29f4e931b058ab20df4563b488f36385",
    "settings": {
      "fd_thres": 0.2,
      "testing": false
    },
    "software": "mriqc",
    "version": "22.0.0rc1",
    "webapi_port": null,
    "webapi_url": "https://mriqc.nimh.nih.gov/api/v1"
  },
  "size_t": 330,
  "size_x": 80,
  "size_y": 80,
  "size_z": 36,
  "snr": 6.680600804958874,
  "spacing_tr": 0.75,
  "spacing_x": 3.0,
  "spacing_y": 3.0,
  "spacing_z": 3.299999713897705,
  "summary_bg_k": 23.8118260625461,
  "summary_bg_mad": 65.21272254456522,
  "summary_bg_mean": 636.5068359375,
  "summary_bg_median": 55.753578186035156,
  "summary_bg_n": 151048.0,
  "summary_bg_p05": 4.732286906242371,
  "summary_bg_p95": 3440.2301635742156,
  "summary_bg_stdv": 1536.2362060546875,
  "summary_fg_k": 0.7998354006753998,
  "summary_fg_mad": 2694.696133405466,
  "summary_fg_mean": 18919.880859375,
  "summary_fg_median": 18868.658203125,
  "summary_fg_n": 38163.0,
  "summary_fg_p05": 14397.2734375,
  "summary_fg_p95": 23564.8916015625,
  "summary_fg_stdv": 2824.3583984375,
  "tsnr": 56.284271240234375
}