{
  "aor": 0.0020862962962962966,
  "aqi": 0.008043307555555556,
  "bids_meta": {
    "AcquisitionNumber": 6,
    "BidsifyVersion": "0.3.5",
    "ConversionSoftware": "dcm2niix",
    "ConversionSoftwareVersion": "v1.0.20181125  GCC6.3.0",
    "EchoTime": 0.02762,
    "EffectiveEchoSpacing": 0.0006621159151938905,
    "ImageComments": "PIOP",
    "ImageOrientationPatientDICOM": [
      0.999326,
      -0.0367115,
      0.000784814,
      0.0352465,
      0.953015,
      -0.300865
    ],
    "Manufacturer": "Philips",
    "NumberOfVolumesDiscardedByScanner": 2,
    "ParallelAcquisitionTechnique": "SENSE",
    "ParallelReductionFactorInPlane": 2,
    "PatientPosition": "HFS",
    "PhaseEncodingDirection": "j",
    "PhilipsRescaleIntercept": 0,
    "PhilipsRescaleSlope": 0.9072,
    "PhilipsScaleSlope": 0.0515758,
    "ProtocolName": "WIPpiopharririSENSE",
    "PulseSequenceType": "gradient echo EPI",
    "ReconMatrixPE": 80,
    "RepetitionTime": 2,
    "SeriesDescription": "ImageMRSERIES",
    "SeriesNumber": 6,
    "SliceEncodingDirection": "k",
    "SliceTiming": [
      0.0,
      0.0541,
      0.1081,
      0.1622,
      0.2162,
      0.2703,
      0.3243,
      0.3784,
      0.4324,
      0.4865,
      0.5405,
      0.5946,
      0.6486,
      0.7027,
      0.7568,
      0.8108,
      0.8649,
      0.9189,
      0.973,
      1.027,
      1.0811,
      1.1351,
      1.1892,
      1.2432,
      1.2973,
      1.3514,
      1.4054,
      1.4595,
      1.5135,
      1.5676,
      1.6216,
      1.6757,
      1.7297,
      1.7838,
      1.8378,
      1.8919,
      1.9459
    ],
    "TaskName": "emomatching",
    "TotalReadoutTime": 0.025822520692561732,
    "UsePhilipsFloatNotDisplayScaling": 1,
    "acq_id": "seq",
    "dataset": "ds002785",
    "modality": "bold",
    "subject_id": "0125",
    "task_id": "emomatching"
  },
  "dummy_trs": 0,
  "dvars_nstd": 26.579384020522387,
  "dvars_std": 1.2553739425373132,
  "dvars_vstd": 0.9594876094029852,
  "efc": 0.4570204702812546,
  "fber": 118890.96875,
  "fd_mean": 0.17751826057753003,
  "fd_num": 36,
  "fd_perc": 26.666666666666668,
  "fwhm_avg": 1.8350701095201047,
  "fwhm_x": 1.7950566666666665,
  "fwhm_y": 1.9433233333333335,
  "fwhm_z": 1.7668303285603137,
  "gcor": 0.0301296,
  "gsr_x": -0.012341856956481934,
  "gsr_y": 0.014978842809796333,
  "provenance": {
    "md5sum": "44b27800cf71dbd75c8e966821218ba4",
    "settings": {
      "fd_thres": 0.2,
      "testing": false
    },
    "software": "mriqc",
    "version": "22.0.0rc1",
    "webapi_port": null,
    "webapi_url": "https://mriqc.nimh.nih.gov/api/v1"
  },
  "size_t": 135,
  "size_x": 80,
  "size_y": 80,
  "size_z": 37,
  "snr": 5.151885695321393,
  "spacing_tr": 2.0,
  "spacing_x": 3.0,
  "spacing_y": 3.0,
  "spacing_z": 3.299999952316284,
  "summary_bg_k": 31.669115095646916,
  "summary_bg_mad": 83.90666263699546,
  "summary_bg_mean": 850.5933837890625,
  "summary_bg_median": 72.55078887939453,
  "summary_bg_n": 155840.0,
  "summary_bg_p05": 5.9180317401885985,
  "summary_bg_p95": 4780.051904296872,
  "summary_bg_stdv": 2193.55029296875,
  "summary_fg_k": 1.8583416671402802,
  "summary_fg_mad": 4519.762090141114,
  "summary_fg_mean": 25923.33984375,
  "summary_fg_median": 25401.4765625,
  "summary_fg_n": 39018.0,
  "summary_fg_p05": 18957.12705078125,
  "summary_fg_p95": 34160.276171875004,
  "summary_fg_stdv": 4930.45703125,
  "tsnr": 57.67691421508789
}