{
  "aor": 0.0024957551020408164,
  "aqi": 0.005939385102040816,
  "bids_meta": {
    "AcquisitionNumber": 4,
    "BidsifyVersion": "0.3.5",
    "ConversionSoftware": "dcm2niix",
    "ConversionSoftwareVersion": "v1.0.20181125  GCC6.3.0",
    "EchoTime": 0.02762,
    "EffectiveEchoSpacing": 0.0006621159151938905,
    "ImageComments": "PIOP",
    "ImageOrientationPatientDICOM": [
      0.999326,
      -0.0367115,
      0.000784814,
      0.0352465,
      0.953015,
      -0.300865
    ],
    "Manufacturer": "Philips",
    "NumberOfVolumesDiscardedByScanner": 2,
    "ParallelAcquisitionTechnique": "SENSE",
    "ParallelReductionFactorInPlane": 2,
    "PatientPosition": "HFS",
    "PhaseEncodingDirection": "j",
    "PhilipsRescaleIntercept": 0,
    "PhilipsRescaleSlope": 0.91258,
    "PhilipsScaleSlope": 0.0519769,
    "ProtocolName": "WIPpiopgstroopSENSE",
    "PulseSequenceType": "gradient echo EPI",
    "ReconMatrixPE": 80,
    "RepetitionTime": 2,
    "SeriesDescription": "ImageMRSERIES",
    "SeriesNumber": 4,
    "SliceEncodingDirection": "k",
    "SliceTiming": [
      0.0,
      0.0541,
      0.1081,
      0.1622,
      0.2162,
      0.2703,
      0.3243,
      0.3784,
      0.4324,
      0.4865,
      0.5405,
      0.5946,
      0.6486,
      0.7027,
      0.7568,
      0.8108,
      0.8649,
      0.9189,
      0.973,
      1.027,
      1.0811,
      1.1351,
      1.1892,
      1.2432,
      1.2973,
      1.3514,
      1.4054,
      1.4595,
      1.5135,
      1.5676,
      1.6216,
      1.6757,
      1.7297,
      1.7838,
      1.8378,
      1.8919,
      1.9459
    ],
    "TaskName": "gstroop",
    "TotalReadoutTime": 0.025822520692561732,
    "UsePhilipsFloatNotDisplayScaling": 1,
    "acq_id": "seq",
    "dataset": "ds002785",
    "modality": "bold",
    "subject_id": "0125",
    "task_id": "gstroop"
  },
  "dummy_trs": 0,
  "dvars_nstd": 25.86517416061475,
  "dvars_std": 1.3775936438114746,
  "dvars_vstd": 1.0157840495081967,
  "efc": 0.4552430285825354,
  "fber": 120654.765625,
  "fd_mean": 0.125988996048054,
  "fd_num": 28,
  "fd_perc": 11.428571428571429,
  "fwhm_avg": 1.8251165742049702,
  "fwhm_x": 1.7817100000000001,
  "fwhm_y": 1.9188366666666665,
  "fwhm_z": 1.7748030559482437,
  "gcor": 0.0199005,
  "gsr_x": -0.012085270136594772,
  "gsr_y": 0.014778186567127705,
  "provenance": {
    "md5sum": "f606a7ce489e277f024b02b3402c9f9b",
    "settings": {
      "fd_thres": 0.2,
      "testing": false
    },
    "software": "mriqc",
    "version": "22.0.0rc1",
    "webapi_port": null,
    "webapi_url": "https://mriqc.nimh.nih.gov/api/v1"
  },
  "size_t": 245,
  "size_x": 80,
  "size_y": 80,
  "size_z": 37,
  "snr": 5.207794241951464,
  "spacing_tr": 2.0,
  "spacing_x": 3.0,
  "spacing_y": 3.0,
  "spacing_z": 3.299999952316284,
  "summary_bg_k": 34.13299009623608,
  "summary_bg_mad": 83.70774110825828,
  "summary_bg_mean": 837.6390991210938,
  "summary_bg_median": 72.94789123535156,
  "summary_bg_n": 156192.0,
  "summary_bg_p05": 6.53543860912323,
  "summary_bg_p95": 4671.500732421867,
  "summary_bg_stdv": 2194.164306640625,
  "summary_fg_k": 1.912289961264868,
  "summary_fg_mad": 4520.006777421317,
  "summary_fg_mean": 26078.232421875,
  "summary_fg_median": 25584.0078125,
  "summary_fg_n": 38818.0,
  "summary_fg_p05": 19174.478125,
  "summary_fg_p95": 34278.80234375001,
  "summary_fg_stdv": 4912.57470703125,
  "tsnr": 66.93588256835938
}