{
  "aor": 0.00897865,
  "aqi": 0.021701240850000005,
  "bids_meta": {
    "AcquisitionNumber": 11,
    "BidsifyVersion": "0.3.5",
    "ConversionSoftware": "dcm2niix",
    "ConversionSoftwareVersion": "v1.0.20181125  GCC6.3.0",
    "EchoTime": 0.02762,
    "EffectiveEchoSpacing": 0.0006621159151938905,
    "ImageComments": "PIOP",
    "ImageOrientationPatientDICOM": [
      0.999326,
      -0.0367115,
      0.000784814,
      0.0352465,
      0.953015,
      -0.300865
    ],
    "Manufacturer": "Philips",
    "NumberOfVolumesDiscardedByScanner": 2,
    "ParallelAcquisitionTechnique": "SENSE",
    "ParallelReductionFactorInPlane": 2,
    "PatientPosition": "HFS",
    "PhaseEncodingDirection": "j",
    "PhilipsRescaleIntercept": 0,
    "PhilipsRescaleSlope": 0.95433,
    "PhilipsScaleSlope": 0.0508674,
    "ProtocolName": "WIPpiopanticipatieSENSE",
    "PulseSequenceType": "gradient echo EPI",
    "ReconMatrixPE": 80,
    "RepetitionTime": 2,
    "SeriesDescription": "ImageMRSERIES",
    "SeriesNumber": 11,
    "SliceEncodingDirection": "k",
    "SliceTiming": [
      0.0,
      0.0541,
      0.1081,
      0.1622,
      0.2162,
      0.2703,
      0.3243,
      0.3784,
      0.4324,
      0.4865,
      0.5405,
      0.5946,
      0.6486,
      0.7027,
      0.7568,
      0.8108,
      0.8649,
      0.9189,
      0.973,
      1.027,
      1.0811,
      1.1351,
      1.1892,
      1.2432,
      1.2973,
      1.3514,
      1.4054,
      1.4595,
      1.5135,
      1.5676,
      1.6216,
      1.6757,
      1.7297,
      1.7838,
      1.8378,
      1.8919,
      1.9459
    ],
    "TaskName": "anticipation",
    "TotalReadoutTime": 0.025822520692561732,
    "UsePhilipsFloatNotDisplayScaling": 1,
    "acq_id": "seq",
    "dataset": "ds002785",
    "modality": "bold",
    "subject_id": "0125",
    "task_id": "anticipation"
  },
  "dummy_trs": 0,
  "dvars_nstd": 32.01723627839196,
  "dvars_std": 1.0750919709547735,
  "dvars_vstd": 0.9337744263819094,
  "efc": 0.4584903199411028,
  "fber": 120173.234375,
  "fd_mean": 0.31159557238023683,
  "fd_num": 64,
  "fd_perc": 32.0,
  "fwhm_avg": 1.8623572814762641,
  "fwhm_x": 1.8076733333333335,
  "fwhm_y": 1.96295,
  "fwhm_z": 1.816448511095459,
  "gcor": 0.0312181,
  "gsr_x": -0.013575311750173569,
  "gsr_y": 0.016557840630412102,
  "provenance": {
    "md5sum": "22826641289e6899eb6438de0bac09e4",
    "settings": {
      "fd_thres": 0.2,
      "testing": false
    },
    "software": "mriqc",
    "version": "22.0.0rc1",
    "webapi_port": null,
    "webapi_url": "https://mriqc.nimh.nih.gov/api/v1"
  },
  "size_t": 200,
  "size_x": 80,
  "size_y": 80,
  "size_z": 37,
  "snr": 5.238771856534978,
  "spacing_tr": 2.0,
  "spacing_x": 3.0,
  "spacing_y": 3.0,
  "spacing_z": 3.299999952316284,
  "summary_bg_k": 31.236333997875782,
  "summary_bg_mad": 78.07461308392865,
  "summary_bg_mean": 847.0845947265625,
  "summary_bg_median": 71.38361358642578,
  "summary_bg_n": 155872.0,
  "summary_bg_p05": 8.803111124038697,
  "summary_bg_p95": 4784.335693359364,
  "summary_bg_stdv": 2127.691162109375,
  "summary_fg_k": 1.9659101584273575,
  "summary_fg_mad": 4365.5367109270355,
  "summary_fg_mean": 25538.291015625,
  "summary_fg_median": 25031.76171875,
  "summary_fg_n": 38936.0,
  "summary_fg_p05": 18845.193359375,
  "summary_fg_p95": 33514.640625,
  "summary_fg_stdv": 4778.1123046875,
  "tsnr": 35.15833282470703
}