{
  "aor": 0.0106120987654321,
  "aqi": 0.008620862777777778,
  "bids_meta": {
    "AcquisitionNumber": 9,
    "BidsifyVersion": "0.3.5",
    "ConversionSoftware": "dcm2niix",
    "ConversionSoftwareVersion": "v1.0.20181125  GCC6.3.0",
    "EchoTime": 0.02762,
    "EffectiveEchoSpacing": 0.0006621159151938905,
    "ImageComments": "PIOP",
    "ImageOrientationPatientDICOM": [
      0.999326,
      -0.0367115,
      0.000784814,
      0.0352465,
      0.953015,
      -0.300865
    ],
    "Manufacturer": "Philips",
    "NumberOfVolumesDiscardedByScanner": 2,
    "ParallelAcquisitionTechnique": "SENSE",
    "ParallelReductionFactorInPlane": 2,
    "PatientPosition": "HFS",
    "PhaseEncodingDirection": "j",
    "PhilipsRescaleIntercept": 0,
    "PhilipsRescaleSlope": 0.90159,
    "PhilipsScaleSlope": 0.0509985,
    "ProtocolName": "WIPpiopwmSENSE",
    "PulseSequenceType": "gradient echo EPI",
    "ReconMatrixPE": 80,
    "RepetitionTime": 2,
    "SeriesDescription": "ImageMRSERIES",
    "SeriesNumber": 9,
    "SliceEncodingDirection": "k",
    "SliceTiming": [
      0.0,
      0.0541,
      0.1081,
      0.1622,
      0.2162,
      0.2703,
      0.3243,
      0.3784,
      0.4324,
      0.4865,
      0.5405,
      0.5946,
      0.6486,
      0.7027,
      0.7568,
      0.8108,
      0.8649,
      0.9189,
      0.973,
      1.027,
      1.0811,
      1.1351,
      1.1892,
      1.2432,
      1.2973,
      1.3514,
      1.4054,
      1.4595,
      1.5135,
      1.5676,
      1.6216,
      1.6757,
      1.7297,
      1.7838,
      1.8378,
      1.8919,
      1.9459
    ],
    "TaskName": "workingmemory",
    "TotalReadoutTime": 0.025822520692561732,
    "UsePhilipsFloatNotDisplayScaling": 1,
    "acq_id": "seq",
    "dataset": "ds002785",
    "modality": "bold",
    "subject_id": "0125",
    "task_id": "workingmemory"
  },
  "dummy_trs": 0,
  "dvars_nstd": 27.298174248322972,
  "dvars_std": 1.3789047985093161,
  "dvars_vstd": 1.0886421823602475,
  "efc": 0.4580017890239556,
  "fber": 116891.828125,
  "fd_mean": 0.17262293317660485,
  "fd_num": 39,
  "fd_perc": 24.074074074074073,
  "fwhm_avg": 1.8409465742704751,
  "fwhm_x": 1.7939800000000001,
  "fwhm_y": 1.9404566666666667,
  "fwhm_z": 1.7884030561447584,
  "gcor": 0.0302064,
  "gsr_x": -0.012375742197036743,
  "gsr_y": 0.015307560563087463,
  "provenance": {
    "md5sum": "b56043740a4157eed66f4e7284cf17c2",
    "settings": {
      "fd_thres": 0.2,
      "testing": false
    },
    "software": "mriqc",
    "version": "22.0.0rc1",
    "webapi_port": null,
    "webapi_url": "https://mriqc.nimh.nih.gov/api/v1"
  },
  "size_t": 162,
  "size_x": 80,
  "size_y": 80,
  "size_z": 37,
  "snr": 5.197399261734582,
  "spacing_tr": 2.0,
  "spacing_x": 3.0,
  "spacing_y": 3.0,
  "spacing_z": 3.299999952316284,
  "summary_bg_k": 31.09525804044143,
  "summary_bg_mad": 85.13234292850441,
  "summary_bg_mean": 862.5916748046875,
  "summary_bg_median": 73.69895935058594,
  "summary_bg_n": 155717.0,
  "summary_bg_p05": 6.287270832061768,
  "summary_bg_p95": 4892.753613281228,
  "summary_bg_stdv": 2213.854736328125,
  "summary_fg_k": 1.874927746727601,
  "summary_fg_mad": 4510.820145510752,
  "summary_fg_mean": 26012.546875,
  "summary_fg_median": 25492.19921875,
  "summary_fg_n": 39069.0,
  "summary_fg_p05": 19105.240234375,
  "summary_fg_p95": 34318.64453125,
  "summary_fg_stdv": 4904.736328125,
  "tsnr": 56.173118591308594
}