{
  "aor": 0.00025257575757575755,
  "aqi": 0.004046909363636364,
  "bids_meta": {
    "AcquisitionNumber": 2,
    "BidsifyVersion": "0.3.5",
    "ConversionSoftware": "dcm2niix",
    "ConversionSoftwareVersion": "v1.0.20181125  GCC6.3.0",
    "EchoTime": 0.02762,
    "EffectiveEchoSpacing": 0.0006333282667071997,
    "ImageComments": "piop",
    "ImageOrientationPatientDICOM": [
      0.999429,
      -0.0186076,
      -0.0282181,
      0.0120365,
      0.976029,
      -0.217306
    ],
    "Manufacturer": "Philips",
    "NumberOfVolumesDiscardedByScanner": 2,
    "ParallelAcquisitionTechnique": "SENSE",
    "ParallelReductionFactorInPlane": 2,
    "PatientPosition": "HFS",
    "PhaseEncodingDirection": "j",
    "PhilipsRescaleIntercept": 0,
    "PhilipsRescaleSlope": 0.77582,
    "PhilipsScaleSlope": 0.0745749,
    "ProtocolName": "WIPpiopfacesSENSE",
    "PulseSequenceType": "gradient echo EPI",
    "ReconMatrixPE": 80,
    "RepetitionTime": 0.75,
    "SeriesDescription": "ImageMRSERIES",
    "SeriesNumber": 2,
    "SliceEncodingDirection": "k",
    "SliceTiming": [
      0.0,
      0.06755050505050506,
      0.1351010101010101,
      0.20265151515151517,
      0.2702020202020202,
      0.3377525252525253,
      0.40530303030303033,
      0.47285353535353536,
      0.5404040404040404,
      0.6079545454545455,
      0.6755050505050506,
      0.7430555555555556,
      0.0,
      0.06755050505050506,
      0.1351010101010101,
      0.20265151515151517,
      0.2702020202020202,
      0.3377525252525253,
      0.40530303030303033,
      0.47285353535353536,
      0.5404040404040404,
      0.6079545454545455,
      0.6755050505050506,
      0.7430555555555556,
      0.0,
      0.06755050505050506,
      0.1351010101010101,
      0.20265151515151517,
      0.2702020202020202,
      0.3377525252525253,
      0.40530303030303033,
      0.47285353535353536,
      0.5404040404040404,
      0.6079545454545455,
      0.6755050505050506,
      0.7430555555555556
    ],
    "TaskName": "faces",
    "TotalReadoutTime": 0.024699802401580786,
    "UsePhilipsFloatNotDisplayScaling": 1,
    "acq_id": "mb3",
    "dataset": "ds002785",
    "modality": "bold",
    "subject_id": "0196",
    "task_id": "faces"
  },
  "dummy_trs": 0,
  "dvars_nstd": 18.577851675410322,
  "dvars_std": 1.0618268034650455,
  "dvars_vstd": 1.0006284316109428,
  "efc": 0.4171874560652539,
  "fber": 253904.703125,
  "fd_mean": 0.06962095972932397,
  "fd_num": 0,
  "fd_perc": 0.0,
  "fwhm_avg": 2.1391012673735514,
  "fwhm_x": 2.18143,
  "fwhm_y": 2.323976666666667,
  "fwhm_z": 1.9118971354539873,
  "gcor": 0.0576989,
  "gsr_x": -0.019662844017148018,
  "gsr_y": 0.00951695442199707,
  "provenance": {
    "md5sum": "3d1f128094fd2dca89351be561ade8e0",
    "settings": {
      "fd_thres": 0.2,
      "testing": false
    },
    "software": "mriqc",
    "version": "22.0.0rc1",
    "webapi_port": null,
    "webapi_url": "https://mriqc.nimh.nih.gov/api/v1"
  },
  "size_t": 330,
  "size_x": 80,
  "size_y": 80,
  "size_z": 36,
  "snr": 6.392425742869113,
  "spacing_tr": 0.75,
  "spacing_x": 3.0,
  "spacing_y": 3.0,
  "spacing_z": 3.299999713897705,
  "summary_bg_k": 44.176652410133485,
  "summary_bg_mad": 46.65412566956492,
  "summary_bg_mean": 432.0873107910156,
  "summary_bg_median": 42.27001190185547,
  "summary_bg_n": 157394.0,
  "summary_bg_p05": 2.8265812277793887,
  "summary_bg_p95": 2190.027026367188,
  "summary_bg_stdv": 1258.077880859375,
  "summary_fg_k": 0.8113737389072435,
  "summary_fg_mad": 3152.388758512452,
  "summary_fg_mean": 21545.3359375,
  "summary_fg_median": 21447.49609375,
  "summary_fg_n": 33254.0,
  "summary_fg_p05": 16245.673486328125,
  "summary_fg_p95": 27006.843847656248,
  "summary_fg_stdv": 3355.091552734375,
  "tsnr": 71.58229064941406
}