{
  "aor": 0.0027855999999999996,
  "aqi": 0.0025644753,
  "bids_meta": {
    "AcquisitionNumber": 9,
    "BidsifyVersion": "0.3.5",
    "ConversionSoftware": "dcm2niix",
    "ConversionSoftwareVersion": "v1.0.20181125  GCC6.3.0",
    "EchoTime": 0.02762,
    "EffectiveEchoSpacing": 0.0006621159151938905,
    "ImageComments": "piop",
    "ImageOrientationPatientDICOM": [
      0.999429,
      -0.0186076,
      -0.0282181,
      0.0120365,
      0.976029,
      -0.217306
    ],
    "Manufacturer": "Philips",
    "NumberOfVolumesDiscardedByScanner": 2,
    "ParallelAcquisitionTechnique": "SENSE",
    "ParallelReductionFactorInPlane": 2,
    "PatientPosition": "HFS",
    "PhaseEncodingDirection": "j",
    "PhilipsRescaleIntercept": 0,
    "PhilipsRescaleSlope": 0.77973,
    "PhilipsScaleSlope": 0.0479953,
    "ProtocolName": "WIPpiopanticipatieSENSE",
    "PulseSequenceType": "gradient echo EPI",
    "ReconMatrixPE": 80,
    "RepetitionTime": 2,
    "SeriesDescription": "ImageMRSERIES",
    "SeriesNumber": 9,
    "SliceEncodingDirection": "k",
    "SliceTiming": [
      0.0,
      0.0541,
      0.1081,
      0.1622,
      0.2162,
      0.2703,
      0.3243,
      0.3784,
      0.4324,
      0.4865,
      0.5405,
      0.5946,
      0.6486,
      0.7027,
      0.7568,
      0.8108,
      0.8649,
      0.9189,
      0.973,
      1.027,
      1.0811,
      1.1351,
      1.1892,
      1.2432,
      1.2973,
      1.3514,
      1.4054,
      1.4595,
      1.5135,
      1.5676,
      1.6216,
      1.6757,
      1.7297,
      1.7838,
      1.8378,
      1.8919,
      1.9459
    ],
    "TaskName": "anticipation",
    "TotalReadoutTime": 0.025822520692561732,
    "UsePhilipsFloatNotDisplayScaling": 1,
    "acq_id": "seq",
    "dataset": "ds002785",
    "modality": "bold",
    "subject_id": "0196",
    "task_id": "anticipation"
  },
  "dummy_trs": 0,
  "dvars_nstd": 19.200706984924626,
  "dvars_std": 1.2883445262311555,
  "dvars_vstd": 1.0275502495979898,
  "efc": 0.408479957269542,
  "fber": 213451.6875,
  "fd_mean": 0.13390551589125763,
  "fd_num": 22,
  "fd_perc": 11.0,
  "fwhm_avg": 1.9038190995359612,
  "fwhm_x": 1.88326,
  "fwhm_y": 2.037103333333333,
  "fwhm_z": 1.7910939652745503,
  "gcor": 0.0836668,
  "gsr_x": -0.01754666678607464,
  "gsr_y": 0.011678562499582767,
  "provenance": {
    "md5sum": "7b3fe11be3a06a7e15c932e8b694a05d",
    "settings": {
      "fd_thres": 0.2,
      "testing": false
    },
    "software": "mriqc",
    "version": "22.0.0rc1",
    "webapi_port": null,
    "webapi_url": "https://mriqc.nimh.nih.gov/api/v1"
  },
  "size_t": 200,
  "size_x": 80,
  "size_y": 80,
  "size_z": 37,
  "snr": 5.009324978446879,
  "spacing_tr": 2.0,
  "spacing_x": 3.0,
  "spacing_y": 3.0,
  "spacing_z": 3.299999952316284,
  "summary_bg_k": 59.34393249121534,
  "summary_bg_mad": 62.40824754546978,
  "summary_bg_mean": 557.4122924804688,
  "summary_bg_median": 59.73295593261719,
  "summary_bg_n": 162677.0,
  "summary_bg_p05": 3.469606447219849,
  "summary_bg_p95": 2797.9227050781146,
  "summary_bg_stdv": 1768.3302001953125,
  "summary_fg_k": 2.4756959844423383,
  "summary_fg_mad": 5088.203942687485,
  "summary_fg_mean": 28742.9609375,
  "summary_fg_median": 28109.8046875,
  "summary_fg_n": 33637.0,
  "summary_fg_p05": 21167.454296875,
  "summary_fg_p95": 38019.91953124999,
  "summary_fg_stdv": 5611.412109375,
  "tsnr": 94.29520416259766
}