{
  "aor": 0.0006969166666666668,
  "aqi": 0.0061231725833333335,
  "bids_meta": {
    "AcquisitionNumber": 6,
    "BidsifyVersion": "0.3.5",
    "ConversionSoftware": "dcm2niix",
    "ConversionSoftwareVersion": "v1.0.20181125  GCC6.3.0",
    "EchoTime": 0.02762,
    "EffectiveEchoSpacing": 0.0006333282667071997,
    "ImageComments": "piop",
    "ImageOrientationPatientDICOM": [
      0.999429,
      -0.0186076,
      -0.0282181,
      0.0120365,
      0.976029,
      -0.217306
    ],
    "Manufacturer": "Philips",
    "NumberOfVolumesDiscardedByScanner": 2,
    "ParallelAcquisitionTechnique": "SENSE",
    "ParallelReductionFactorInPlane": 2,
    "PatientPosition": "HFS",
    "PhaseEncodingDirection": "j",
    "PhilipsRescaleIntercept": 0,
    "PhilipsRescaleSlope": 0.78559,
    "PhilipsScaleSlope": 0.0736539,
    "ProtocolName": "WIPpioprsSENSE",
    "PulseSequenceType": "gradient echo EPI",
    "ReconMatrixPE": 80,
    "RepetitionTime": 0.75,
    "SeriesDescription": "ImageMRSERIES",
    "SeriesNumber": 6,
    "SliceEncodingDirection": "k",
    "SliceTiming": [
      0.0,
      0.06755050505050506,
      0.1351010101010101,
      0.20265151515151517,
      0.2702020202020202,
      0.3377525252525253,
      0.40530303030303033,
      0.47285353535353536,
      0.5404040404040404,
      0.6079545454545455,
      0.6755050505050506,
      0.7430555555555556,
      0.0,
      0.06755050505050506,
      0.1351010101010101,
      0.20265151515151517,
      0.2702020202020202,
      0.3377525252525253,
      0.40530303030303033,
      0.47285353535353536,
      0.5404040404040404,
      0.6079545454545455,
      0.6755050505050506,
      0.7430555555555556,
      0.0,
      0.06755050505050506,
      0.1351010101010101,
      0.20265151515151517,
      0.2702020202020202,
      0.3377525252525253,
      0.40530303030303033,
      0.47285353535353536,
      0.5404040404040404,
      0.6079545454545455,
      0.6755050505050506,
      0.7430555555555556
    ],
    "TaskName": "restingstate",
    "TotalReadoutTime": 0.024699802401580786,
    "UsePhilipsFloatNotDisplayScaling": 1,
    "acq_id": "mb3",
    "dataset": "ds002785",
    "modality": "bold",
    "subject_id": "0196",
    "task_id": "restingstate"
  },
  "dummy_trs": 0,
  "dvars_nstd": 22.076913148851784,
  "dvars_std": 1.07382308526096,
  "dvars_vstd": 1.0108726951357003,
  "efc": 0.41611558826940126,
  "fber": 251624.359375,
  "fd_mean": 0.07782876418788058,
  "fd_num": 10,
  "fd_perc": 2.0833333333333335,
  "fwhm_avg": 1.941287281320048,
  "fwhm_x": 1.9441499999999998,
  "fwhm_y": 2.0956966666666665,
  "fwhm_z": 1.7840151772934765,
  "gcor": 0.0482955,
  "gsr_x": -0.01913526840507984,
  "gsr_y": 0.009787574410438538,
  "provenance": {
    "md5sum": "08fc4353a1f0fe87ccfbbe0956f0166d",
    "settings": {
      "fd_thres": 0.2,
      "testing": false
    },
    "software": "mriqc",
    "version": "22.0.0rc1",
    "webapi_port": null,
    "webapi_url": "https://mriqc.nimh.nih.gov/api/v1"
  },
  "size_t": 480,
  "size_x": 80,
  "size_y": 80,
  "size_z": 36,
  "snr": 6.3825225456363395,
  "spacing_tr": 0.75,
  "spacing_x": 3.0,
  "spacing_y": 3.0,
  "spacing_z": 3.299999952316284,
  "summary_bg_k": 46.196798159352376,
  "summary_bg_mad": 45.791858077956974,
  "summary_bg_mean": 426.4121398925781,
  "summary_bg_median": 40.608123779296875,
  "summary_bg_n": 157529.0,
  "summary_bg_p05": 1.6842892646789551,
  "summary_bg_p95": 2196.9507812500015,
  "summary_bg_stdv": 1267.1402587890625,
  "summary_fg_k": 0.9840961743166394,
  "summary_fg_mad": 3021.7807693259747,
  "summary_fg_mean": 20761.603515625,
  "summary_fg_median": 20677.33203125,
  "summary_fg_n": 33146.0,
  "summary_fg_p05": 15629.830322265625,
  "summary_fg_p95": 25995.07568359375,
  "summary_fg_stdv": 3239.63134765625,
  "tsnr": 59.964088439941406
}