{
  "aor": 0.001994074074074074,
  "aqi": 0.002552088,
  "bids_meta": {
    "AcquisitionNumber": 5,
    "BidsifyVersion": "0.3.5",
    "ConversionSoftware": "dcm2niix",
    "ConversionSoftwareVersion": "v1.0.20181125  GCC6.3.0",
    "EchoTime": 0.02762,
    "EffectiveEchoSpacing": 0.0006621159151938905,
    "ImageComments": "piop",
    "ImageOrientationPatientDICOM": [
      0.999429,
      -0.0186076,
      -0.0282181,
      0.0120365,
      0.976029,
      -0.217306
    ],
    "Manufacturer": "Philips",
    "NumberOfVolumesDiscardedByScanner": 2,
    "ParallelAcquisitionTechnique": "SENSE",
    "ParallelReductionFactorInPlane": 2,
    "PatientPosition": "HFS",
    "PhaseEncodingDirection": "j",
    "PhilipsRescaleIntercept": 0,
    "PhilipsRescaleSlope": 0.75702,
    "PhilipsScaleSlope": 0.0503292,
    "ProtocolName": "WIPpiopharririSENSE",
    "PulseSequenceType": "gradient echo EPI",
    "ReconMatrixPE": 80,
    "RepetitionTime": 2,
    "SeriesDescription": "ImageMRSERIES",
    "SeriesNumber": 5,
    "SliceEncodingDirection": "k",
    "SliceTiming": [
      0.0,
      0.0541,
      0.1081,
      0.1622,
      0.2162,
      0.2703,
      0.3243,
      0.3784,
      0.4324,
      0.4865,
      0.5405,
      0.5946,
      0.6486,
      0.7027,
      0.7568,
      0.8108,
      0.8649,
      0.9189,
      0.973,
      1.027,
      1.0811,
      1.1351,
      1.1892,
      1.2432,
      1.2973,
      1.3514,
      1.4054,
      1.4595,
      1.5135,
      1.5676,
      1.6216,
      1.6757,
      1.7297,
      1.7838,
      1.8378,
      1.8919,
      1.9459
    ],
    "TaskName": "emomatching",
    "TotalReadoutTime": 0.025822520692561732,
    "UsePhilipsFloatNotDisplayScaling": 1,
    "acq_id": "seq",
    "dataset": "ds002785",
    "modality": "bold",
    "subject_id": "0196",
    "task_id": "emomatching"
  },
  "dummy_trs": 0,
  "dvars_nstd": 18.888389502164177,
  "dvars_std": 1.2804914496268647,
  "dvars_vstd": 1.0156829399253737,
  "efc": 0.4092393491873083,
  "fber": 209047.765625,
  "fd_mean": 0.12761616963615743,
  "fd_num": 10,
  "fd_perc": 7.407407407407407,
  "fwhm_avg": 1.898366170217767,
  "fwhm_x": 1.87446,
  "fwhm_y": 2.03479,
  "fwhm_z": 1.7858485106533009,
  "gcor": 0.0550185,
  "gsr_x": -0.017379123717546463,
  "gsr_y": 0.011997677385807037,
  "provenance": {
    "md5sum": "11b8f9562fb1da87ddfd63540c36e5bb",
    "settings": {
      "fd_thres": 0.2,
      "testing": false
    },
    "software": "mriqc",
    "version": "22.0.0rc1",
    "webapi_port": null,
    "webapi_url": "https://mriqc.nimh.nih.gov/api/v1"
  },
  "size_t": 135,
  "size_x": 80,
  "size_y": 80,
  "size_z": 37,
  "snr": 5.108093492847971,
  "spacing_tr": 2.0,
  "spacing_x": 3.0,
  "spacing_y": 3.0,
  "spacing_z": 3.299999952316284,
  "summary_bg_k": 58.33556633231458,
  "summary_bg_mad": 64.21178690345337,
  "summary_bg_mean": 554.847412109375,
  "summary_bg_median": 60.714229583740234,
  "summary_bg_n": 162479.0,
  "summary_bg_p05": 4.033030843734742,
  "summary_bg_p95": 2787.004418945315,
  "summary_bg_stdv": 1758.7196044921875,
  "summary_fg_k": 1.9907302437407948,
  "summary_fg_mad": 5081.69439232186,
  "summary_fg_mean": 28803.091796875,
  "summary_fg_median": 28229.4453125,
  "summary_fg_n": 33837.0,
  "summary_fg_p05": 21155.401953125,
  "summary_fg_p95": 37981.82812499999,
  "summary_fg_stdv": 5526.33349609375,
  "tsnr": 94.36925506591797
}