{
  "aor": 0.0027364968152866244,
  "aqi": 0.007037991656050954,
  "bids_meta": {
    "AcquisitionNumber": 8,
    "BidsifyVersion": "0.3.5",
    "ConversionSoftware": "dcm2niix",
    "ConversionSoftwareVersion": "v1.0.20181125  GCC6.3.0",
    "EchoTime": 0.02762,
    "EffectiveEchoSpacing": 0.0006621159151938905,
    "ImageComments": "piop",
    "ImageOrientationPatientDICOM": [
      0.999074,
      0.0288489,
      0.0319227,
      -0.0219743,
      0.979977,
      -0.197894
    ],
    "Manufacturer": "Philips",
    "NumberOfVolumesDiscardedByScanner": 2,
    "ParallelAcquisitionTechnique": "SENSE",
    "ParallelReductionFactorInPlane": 2,
    "PatientPosition": "HFS",
    "PhaseEncodingDirection": "j",
    "PhilipsRescaleIntercept": 0,
    "PhilipsRescaleSlope": 0.83712,
    "PhilipsScaleSlope": 0.0607511,
    "ProtocolName": "WIPpiopwmSENSE",
    "PulseSequenceType": "gradient echo EPI",
    "ReconMatrixPE": 80,
    "RepetitionTime": 2,
    "SeriesDescription": "ImageMRSERIES",
    "SeriesNumber": 8,
    "SliceEncodingDirection": "k",
    "SliceTiming": [
      0.0,
      0.0541,
      0.1081,
      0.1622,
      0.2162,
      0.2703,
      0.3243,
      0.3784,
      0.4324,
      0.4865,
      0.5405,
      0.5946,
      0.6486,
      0.7027,
      0.7568,
      0.8108,
      0.8649,
      0.9189,
      0.973,
      1.027,
      1.0811,
      1.1351,
      1.1892,
      1.2432,
      1.2973,
      1.3514,
      1.4054,
      1.4595,
      1.5135,
      1.5676,
      1.6216,
      1.6757,
      1.7297,
      1.7838,
      1.8378,
      1.8919,
      1.9459
    ],
    "TaskName": "workingmemory",
    "TotalReadoutTime": 0.025822520692561732,
    "UsePhilipsFloatNotDisplayScaling": 1,
    "acq_id": "seq",
    "dataset": "ds002785",
    "modality": "bold",
    "subject_id": "0011",
    "task_id": "workingmemory"
  },
  "dummy_trs": 5,
  "dvars_nstd": 19.27210126807692,
  "dvars_std": 1.1280052008974355,
  "dvars_vstd": 0.9481851387820512,
  "efc": 0.39831437891042865,
  "fber": 171713.015625,
  "fd_mean": 0.09234876884187684,
  "fd_num": 6,
  "fd_perc": 3.821656050955414,
  "fwhm_avg": 1.916143443278738,
  "fwhm_x": 1.8626033333333334,
  "fwhm_y": 2.0306966666666666,
  "fwhm_z": 1.8551303298362143,
  "gcor": 0.0181178,
  "gsr_x": -0.021109124645590782,
  "gsr_y": 0.014805375598371029,
  "provenance": {
    "md5sum": "99294887ac4dc02e19d7626963840055",
    "settings": {
      "fd_thres": 0.2,
      "testing": false
    },
    "software": "mriqc",
    "version": "22.0.0rc1",
    "webapi_port": null,
    "webapi_url": "https://mriqc.nimh.nih.gov/api/v1"
  },
  "size_t": 157,
  "size_x": 80,
  "size_y": 80,
  "size_z": 37,
  "snr": 5.097673213793998,
  "spacing_tr": 2.0,
  "spacing_x": 3.0,
  "spacing_y": 3.0,
  "spacing_z": 3.299999952316284,
  "summary_bg_k": 122.28533069025596,
  "summary_bg_mad": 61.82034257983048,
  "summary_bg_mean": 460.8029479980469,
  "summary_bg_median": 56.19444274902344,
  "summary_bg_n": 164977.0,
  "summary_bg_p05": 5.118090820312502,
  "summary_bg_p95": 2399.9922363281225,
  "summary_bg_stdv": 1518.3729248046875,
  "summary_fg_k": 1.211993859012396,
  "summary_fg_mad": 4184.595534705275,
  "summary_fg_mean": 24086.48828125,
  "summary_fg_median": 23538.322265625,
  "summary_fg_n": 31700.0,
  "summary_fg_p05": 17388.46533203125,
  "summary_fg_p95": 32173.39892578125,
  "summary_fg_stdv": 4617.39111328125,
  "tsnr": 65.02067565917969
}