{
  "aor": 0.0030079259259259256,
  "aqi": 0.00674870911111111,
  "bids_meta": {
    "AcquisitionNumber": 5,
    "BidsifyVersion": "0.3.5",
    "ConversionSoftware": "dcm2niix",
    "ConversionSoftwareVersion": "v1.0.20181125  GCC6.3.0",
    "EchoTime": 0.02762,
    "EffectiveEchoSpacing": 0.0006621159151938905,
    "ImageComments": "piop",
    "ImageOrientationPatientDICOM": [
      0.999074,
      0.0288489,
      0.0319227,
      -0.0219743,
      0.979977,
      -0.197894
    ],
    "Manufacturer": "Philips",
    "NumberOfVolumesDiscardedByScanner": 2,
    "ParallelAcquisitionTechnique": "SENSE",
    "ParallelReductionFactorInPlane": 2,
    "PatientPosition": "HFS",
    "PhaseEncodingDirection": "j",
    "PhilipsRescaleIntercept": 0,
    "PhilipsRescaleSlope": 0.7956,
    "PhilipsScaleSlope": 0.0591176,
    "ProtocolName": "WIPpiopharririSENSE",
    "PulseSequenceType": "gradient echo EPI",
    "ReconMatrixPE": 80,
    "RepetitionTime": 2,
    "SeriesDescription": "ImageMRSERIES",
    "SeriesNumber": 5,
    "SliceEncodingDirection": "k",
    "SliceTiming": [
      0.0,
      0.0541,
      0.1081,
      0.1622,
      0.2162,
      0.2703,
      0.3243,
      0.3784,
      0.4324,
      0.4865,
      0.5405,
      0.5946,
      0.6486,
      0.7027,
      0.7568,
      0.8108,
      0.8649,
      0.9189,
      0.973,
      1.027,
      1.0811,
      1.1351,
      1.1892,
      1.2432,
      1.2973,
      1.3514,
      1.4054,
      1.4595,
      1.5135,
      1.5676,
      1.6216,
      1.6757,
      1.7297,
      1.7838,
      1.8378,
      1.8919,
      1.9459
    ],
    "TaskName": "emomatching",
    "TotalReadoutTime": 0.025822520692561732,
    "UsePhilipsFloatNotDisplayScaling": 1,
    "acq_id": "seq",
    "dataset": "ds002785",
    "modality": "bold",
    "subject_id": "0011",
    "task_id": "emomatching"
  },
  "dummy_trs": 0,
  "dvars_nstd": 19.818665767611957,
  "dvars_std": 1.150742433656716,
  "dvars_vstd": 0.9666003964925372,
  "efc": 0.3962071281651541,
  "fber": 178100.09375,
  "fd_mean": 0.10033929983418399,
  "fd_num": 4,
  "fd_perc": 2.962962962962963,
  "fwhm_avg": 1.938915059503057,
  "fwhm_x": 1.8848033333333334,
  "fwhm_y": 2.0637933333333334,
  "fwhm_z": 1.8681485118425039,
  "gcor": 0.0176698,
  "gsr_x": -0.021267438307404518,
  "gsr_y": 0.01531012449413538,
  "provenance": {
    "md5sum": "29cee237379cfa0af9d7812eb95f040f",
    "settings": {
      "fd_thres": 0.2,
      "testing": false
    },
    "software": "mriqc",
    "version": "22.0.0rc1",
    "webapi_port": null,
    "webapi_url": "https://mriqc.nimh.nih.gov/api/v1"
  },
  "size_t": 135,
  "size_x": 80,
  "size_y": 80,
  "size_z": 37,
  "snr": 5.091253682729895,
  "spacing_tr": 2.0,
  "spacing_x": 3.0,
  "spacing_y": 3.0,
  "spacing_z": 3.299999952316284,
  "summary_bg_k": 137.5323587940958,
  "summary_bg_mad": 60.21209097706497,
  "summary_bg_mean": 451.96160888671875,
  "summary_bg_median": 56.28535842895508,
  "summary_bg_n": 165295.0,
  "summary_bg_p05": 5.9414002895355225,
  "summary_bg_p95": 2295.656835937496,
  "summary_bg_stdv": 1530.0357666015625,
  "summary_fg_k": 1.1784217422021657,
  "summary_fg_mad": 4300.264569115834,
  "summary_fg_mean": 24596.662109375,
  "summary_fg_median": 24041.78515625,
  "summary_fg_n": 31583.0,
  "summary_fg_p05": 17727.721484375,
  "summary_fg_p95": 32872.283203125,
  "summary_fg_stdv": 4722.09912109375,
  "tsnr": 66.50667572021484
}