{
  "aor": 0.00031637195121951214,
  "aqi": 0.006946551768292684,
  "bids_meta": {
    "AcquisitionNumber": 2,
    "BidsifyVersion": "0.3.5",
    "ConversionSoftware": "dcm2niix",
    "ConversionSoftwareVersion": "v1.0.20181125  GCC6.3.0",
    "EchoTime": 0.02762,
    "EffectiveEchoSpacing": 0.0006333282667071997,
    "ImageComments": "piop",
    "ImageOrientationPatientDICOM": [
      0.999074,
      0.0288489,
      0.0319227,
      -0.0219743,
      0.979977,
      -0.197894
    ],
    "Manufacturer": "Philips",
    "NumberOfVolumesDiscardedByScanner": 2,
    "ParallelAcquisitionTechnique": "SENSE",
    "ParallelReductionFactorInPlane": 2,
    "PatientPosition": "HFS",
    "PhaseEncodingDirection": "j",
    "PhilipsRescaleIntercept": 0,
    "PhilipsRescaleSlope": 0.75385,
    "PhilipsScaleSlope": 0.0970741,
    "ProtocolName": "WIPpiopfacesSENSE",
    "PulseSequenceType": "gradient echo EPI",
    "ReconMatrixPE": 80,
    "RepetitionTime": 0.75,
    "SeriesDescription": "ImageMRSERIES",
    "SeriesNumber": 2,
    "SliceEncodingDirection": "k",
    "SliceTiming": [
      0.0,
      0.06755050505050506,
      0.1351010101010101,
      0.20265151515151517,
      0.2702020202020202,
      0.3377525252525253,
      0.40530303030303033,
      0.47285353535353536,
      0.5404040404040404,
      0.6079545454545455,
      0.6755050505050506,
      0.7430555555555556,
      0.0,
      0.06755050505050506,
      0.1351010101010101,
      0.20265151515151517,
      0.2702020202020202,
      0.3377525252525253,
      0.40530303030303033,
      0.47285353535353536,
      0.5404040404040404,
      0.6079545454545455,
      0.6755050505050506,
      0.7430555555555556,
      0.0,
      0.06755050505050506,
      0.1351010101010101,
      0.20265151515151517,
      0.2702020202020202,
      0.3377525252525253,
      0.40530303030303033,
      0.47285353535353536,
      0.5404040404040404,
      0.6079545454545455,
      0.6755050505050506,
      0.7430555555555556
    ],
    "TaskName": "faces",
    "TotalReadoutTime": 0.024699802401580786,
    "UsePhilipsFloatNotDisplayScaling": 1,
    "acq_id": "mb3",
    "dataset": "ds002785",
    "modality": "bold",
    "subject_id": "0011",
    "task_id": "faces"
  },
  "dummy_trs": 2,
  "dvars_nstd": 23.36551991721714,
  "dvars_std": 1.0445029504281342,
  "dvars_vstd": 0.9839513487155961,
  "efc": 0.4016504602884773,
  "fber": 217272.984375,
  "fd_mean": 0.07604092499636173,
  "fd_num": 3,
  "fd_perc": 0.9146341463414634,
  "fwhm_avg": 2.039676575080135,
  "fwhm_x": 1.9995333333333332,
  "fwhm_y": 2.162993333333333,
  "fwhm_z": 1.9565030585737382,
  "gcor": 0.0268503,
  "gsr_x": -0.02203468047082424,
  "gsr_y": 0.012393441051244736,
  "provenance": {
    "md5sum": "1e4f2fa7f75d1d23e9880e1ca7d9a6b6",
    "settings": {
      "fd_thres": 0.2,
      "testing": false
    },
    "software": "mriqc",
    "version": "22.0.0rc1",
    "webapi_port": null,
    "webapi_url": "https://mriqc.nimh.nih.gov/api/v1"
  },
  "size_t": 328,
  "size_x": 80,
  "size_y": 80,
  "size_z": 36,
  "snr": 5.933558976503922,
  "spacing_tr": 0.75,
  "spacing_x": 3.0,
  "spacing_y": 3.0,
  "spacing_z": 3.299999952316284,
  "summary_bg_k": 92.10206597080503,
  "summary_bg_mad": 41.211162769535214,
  "summary_bg_mean": 321.0960388183594,
  "summary_bg_median": 36.816226959228516,
  "summary_bg_n": 159737.0,
  "summary_bg_p05": 3.0448435306549073,
  "summary_bg_p95": 1629.3546386718722,
  "summary_bg_stdv": 1045.293701171875,
  "summary_fg_k": 0.3831237282551889,
  "summary_fg_mad": 2796.903023843696,
  "summary_fg_mean": 17504.845703125,
  "summary_fg_median": 17438.388671875,
  "summary_fg_n": 31107.0,
  "summary_fg_p05": 12689.73134765625,
  "summary_fg_p95": 22417.3314453125,
  "summary_fg_stdv": 2938.895263671875,
  "tsnr": 53.608917236328125
}