{
  "aor": 0.0004474947807933195,
  "aqi": 0.010680321753653445,
  "bids_meta": {
    "AcquisitionNumber": 6,
    "BidsifyVersion": "0.3.5",
    "ConversionSoftware": "dcm2niix",
    "ConversionSoftwareVersion": "v1.0.20181125  GCC6.3.0",
    "EchoTime": 0.02762,
    "EffectiveEchoSpacing": 0.0006333282667071997,
    "ImageComments": "piop",
    "ImageOrientationPatientDICOM": [
      0.999074,
      0.0288489,
      0.0319227,
      -0.0219743,
      0.979977,
      -0.197894
    ],
    "Manufacturer": "Philips",
    "NumberOfVolumesDiscardedByScanner": 2,
    "ParallelAcquisitionTechnique": "SENSE",
    "ParallelReductionFactorInPlane": 2,
    "PatientPosition": "HFS",
    "PhaseEncodingDirection": "j",
    "PhilipsRescaleIntercept": 0,
    "PhilipsRescaleSlope": 0.81441,
    "PhilipsScaleSlope": 0.0965628,
    "ProtocolName": "WIPpioprsSENSE",
    "PulseSequenceType": "gradient echo EPI",
    "ReconMatrixPE": 80,
    "RepetitionTime": 0.75,
    "SeriesDescription": "ImageMRSERIES",
    "SeriesNumber": 6,
    "SliceEncodingDirection": "k",
    "SliceTiming": [
      0.0,
      0.06755050505050506,
      0.1351010101010101,
      0.20265151515151517,
      0.2702020202020202,
      0.3377525252525253,
      0.40530303030303033,
      0.47285353535353536,
      0.5404040404040404,
      0.6079545454545455,
      0.6755050505050506,
      0.7430555555555556,
      0.0,
      0.06755050505050506,
      0.1351010101010101,
      0.20265151515151517,
      0.2702020202020202,
      0.3377525252525253,
      0.40530303030303033,
      0.47285353535353536,
      0.5404040404040404,
      0.6079545454545455,
      0.6755050505050506,
      0.7430555555555556,
      0.0,
      0.06755050505050506,
      0.1351010101010101,
      0.20265151515151517,
      0.2702020202020202,
      0.3377525252525253,
      0.40530303030303033,
      0.47285353535353536,
      0.5404040404040404,
      0.6079545454545455,
      0.6755050505050506,
      0.7430555555555556
    ],
    "TaskName": "restingstate",
    "TotalReadoutTime": 0.024699802401580786,
    "UsePhilipsFloatNotDisplayScaling": 1,
    "acq_id": "mb3",
    "dataset": "ds002785",
    "modality": "bold",
    "subject_id": "0011",
    "task_id": "restingstate"
  },
  "dummy_trs": 1,
  "dvars_nstd": 23.267984222740576,
  "dvars_std": 1.0303165289330545,
  "dvars_vstd": 0.9803408943723848,
  "efc": 0.40188027276428767,
  "fber": 241356.609375,
  "fd_mean": 0.08600237587245643,
  "fd_num": 7,
  "fd_perc": 1.4613778705636744,
  "fwhm_avg": 1.985523039241443,
  "fwhm_x": 1.9684066666666666,
  "fwhm_y": 2.1323866666666667,
  "fwhm_z": 1.8557757843909954,
  "gcor": 0.0136139,
  "gsr_x": -0.02184085175395012,
  "gsr_y": 0.013040329329669476,
  "provenance": {
    "md5sum": "f18d797f79c9d08d051ebb533ed342ae",
    "settings": {
      "fd_thres": 0.2,
      "testing": false
    },
    "software": "mriqc",
    "version": "22.0.0rc1",
    "webapi_port": null,
    "webapi_url": "https://mriqc.nimh.nih.gov/api/v1"
  },
  "size_t": 479,
  "size_x": 80,
  "size_y": 80,
  "size_z": 36,
  "snr": 6.259168976563128,
  "spacing_tr": 0.75,
  "spacing_x": 3.0,
  "spacing_y": 3.0,
  "spacing_z": 3.299999952316284,
  "summary_bg_k": 93.2740753571372,
  "summary_bg_mad": 37.99876417276914,
  "summary_bg_mean": 316.9988098144531,
  "summary_bg_median": 34.092323303222656,
  "summary_bg_n": 159909.0,
  "summary_bg_p05": 2.584434080123901,
  "summary_bg_p95": 1675.976953125002,
  "summary_bg_stdv": 1026.255859375,
  "summary_fg_k": 0.45614661271796964,
  "summary_fg_mad": 2566.2772990572503,
  "summary_fg_mean": 16983.4765625,
  "summary_fg_median": 16905.208984375,
  "summary_fg_n": 31027.0,
  "summary_fg_p05": 12626.11591796875,
  "summary_fg_p95": 21495.579492187488,
  "summary_fg_stdv": 2700.82763671875,
  "tsnr": 49.29933166503906
}