{
  "aor": 0.0013874285714285714,
  "aqi": 0.009736176285714285,
  "bids_meta": {
    "AcquisitionNumber": 3,
    "BidsifyVersion": "0.3.5",
    "ConversionSoftware": "dcm2niix",
    "ConversionSoftwareVersion": "v1.0.20181125  GCC6.3.0",
    "EchoTime": 0.02762,
    "EffectiveEchoSpacing": 0.0006621159151938905,
    "ImageComments": "piop",
    "ImageOrientationPatientDICOM": [
      0.999074,
      0.0288489,
      0.0319227,
      -0.0219743,
      0.979977,
      -0.197894
    ],
    "Manufacturer": "Philips",
    "NumberOfVolumesDiscardedByScanner": 2,
    "ParallelAcquisitionTechnique": "SENSE",
    "ParallelReductionFactorInPlane": 2,
    "PatientPosition": "HFS",
    "PhaseEncodingDirection": "j",
    "PhilipsRescaleIntercept": 0,
    "PhilipsRescaleSlope": 0.83712,
    "PhilipsScaleSlope": 0.0592442,
    "ProtocolName": "WIPpiopgstroopSENSE",
    "PulseSequenceType": "gradient echo EPI",
    "ReconMatrixPE": 80,
    "RepetitionTime": 2,
    "SeriesDescription": "ImageMRSERIES",
    "SeriesNumber": 3,
    "SliceEncodingDirection": "k",
    "SliceTiming": [
      0.0,
      0.0541,
      0.1081,
      0.1622,
      0.2162,
      0.2703,
      0.3243,
      0.3784,
      0.4324,
      0.4865,
      0.5405,
      0.5946,
      0.6486,
      0.7027,
      0.7568,
      0.8108,
      0.8649,
      0.9189,
      0.973,
      1.027,
      1.0811,
      1.1351,
      1.1892,
      1.2432,
      1.2973,
      1.3514,
      1.4054,
      1.4595,
      1.5135,
      1.5676,
      1.6216,
      1.6757,
      1.7297,
      1.7838,
      1.8378,
      1.8919,
      1.9459
    ],
    "TaskName": "gstroop",
    "TotalReadoutTime": 0.025822520692561732,
    "UsePhilipsFloatNotDisplayScaling": 1,
    "acq_id": "seq",
    "dataset": "ds002785",
    "modality": "bold",
    "subject_id": "0011",
    "task_id": "gstroop"
  },
  "dummy_trs": 0,
  "dvars_nstd": 17.640914413032792,
  "dvars_std": 1.054992245327869,
  "dvars_vstd": 0.9317097929098358,
  "efc": 0.3968544214948779,
  "fber": 171579.640625,
  "fd_mean": 0.09238327882635071,
  "fd_num": 4,
  "fd_perc": 1.6326530612244898,
  "fwhm_avg": 1.9193426351490788,
  "fwhm_x": 1.8683566666666669,
  "fwhm_y": 2.0446833333333334,
  "fwhm_z": 1.8449879054472362,
  "gcor": 0.0229314,
  "gsr_x": -0.020879581570625305,
  "gsr_y": 0.015013491734862328,
  "provenance": {
    "md5sum": "c0157b851af04f24520abe4edab96d8b",
    "settings": {
      "fd_thres": 0.2,
      "testing": false
    },
    "software": "mriqc",
    "version": "22.0.0rc1",
    "webapi_port": null,
    "webapi_url": "https://mriqc.nimh.nih.gov/api/v1"
  },
  "size_t": 245,
  "size_x": 80,
  "size_y": 80,
  "size_z": 37,
  "snr": 5.10195515287025,
  "spacing_tr": 2.0,
  "spacing_x": 3.0,
  "spacing_y": 3.0,
  "spacing_z": 3.299999952316284,
  "summary_bg_k": 143.4370184632516,
  "summary_bg_mad": 63.89451747156625,
  "summary_bg_mean": 455.8505859375,
  "summary_bg_median": 58.283607482910156,
  "summary_bg_n": 164977.0,
  "summary_bg_p05": 5.304193973541261,
  "summary_bg_p95": 2292.886230468746,
  "summary_bg_stdv": 1560.6641845703125,
  "summary_fg_k": 1.311829331455879,
  "summary_fg_mad": 4310.454563660603,
  "summary_fg_mean": 24881.61328125,
  "summary_fg_median": 24317.580078125,
  "summary_fg_n": 31677.0,
  "summary_fg_p05": 17957.71640625,
  "summary_fg_p95": 33250.18671875,
  "summary_fg_stdv": 4766.25048828125,
  "tsnr": 57.64672088623047
}