{
  "aor": 0.0016642000000000002,
  "aqi": 0.00890950245,
  "bids_meta": {
    "AcquisitionNumber": 9,
    "BidsifyVersion": "0.3.5",
    "ConversionSoftware": "dcm2niix",
    "ConversionSoftwareVersion": "v1.0.20181125  GCC6.3.0",
    "EchoTime": 0.02762,
    "EffectiveEchoSpacing": 0.0006621159151938905,
    "ImageComments": "piop",
    "ImageOrientationPatientDICOM": [
      0.999074,
      0.0288489,
      0.0319227,
      -0.0219743,
      0.979977,
      -0.197894
    ],
    "Manufacturer": "Philips",
    "NumberOfVolumesDiscardedByScanner": 2,
    "ParallelAcquisitionTechnique": "SENSE",
    "ParallelReductionFactorInPlane": 2,
    "PatientPosition": "HFS",
    "PhaseEncodingDirection": "j",
    "PhilipsRescaleIntercept": 0,
    "PhilipsRescaleSlope": 0.83346,
    "PhilipsScaleSlope": 0.0605451,
    "ProtocolName": "WIPpiopanticipatieSENSE",
    "PulseSequenceType": "gradient echo EPI",
    "ReconMatrixPE": 80,
    "RepetitionTime": 2,
    "SeriesDescription": "ImageMRSERIES",
    "SeriesNumber": 9,
    "SliceEncodingDirection": "k",
    "SliceTiming": [
      0.0,
      0.0541,
      0.1081,
      0.1622,
      0.2162,
      0.2703,
      0.3243,
      0.3784,
      0.4324,
      0.4865,
      0.5405,
      0.5946,
      0.6486,
      0.7027,
      0.7568,
      0.8108,
      0.8649,
      0.9189,
      0.973,
      1.027,
      1.0811,
      1.1351,
      1.1892,
      1.2432,
      1.2973,
      1.3514,
      1.4054,
      1.4595,
      1.5135,
      1.5676,
      1.6216,
      1.6757,
      1.7297,
      1.7838,
      1.8378,
      1.8919,
      1.9459
    ],
    "TaskName": "anticipation",
    "TotalReadoutTime": 0.025822520692561732,
    "UsePhilipsFloatNotDisplayScaling": 1,
    "acq_id": "seq",
    "dataset": "ds002785",
    "modality": "bold",
    "subject_id": "0011",
    "task_id": "anticipation"
  },
  "dummy_trs": 0,
  "dvars_nstd": 21.05517456396985,
  "dvars_std": 1.1518135544221104,
  "dvars_vstd": 0.9581065529145731,
  "efc": 0.39733549268681717,
  "fber": 178552.8125,
  "fd_mean": 0.10374559879007726,
  "fd_num": 11,
  "fd_perc": 5.5,
  "fwhm_avg": 1.90339556425085,
  "fwhm_x": 1.87016,
  "fwhm_y": 2.034726666666667,
  "fwhm_z": 1.805300026085883,
  "gcor": 0.0189543,
  "gsr_x": -0.021129654720425606,
  "gsr_y": 0.01446035411208868,
  "provenance": {
    "md5sum": "e183ca58d13ef63133ca9036eefbf2f0",
    "settings": {
      "fd_thres": 0.2,
      "testing": false
    },
    "software": "mriqc",
    "version": "22.0.0rc1",
    "webapi_port": null,
    "webapi_url": "https://mriqc.nimh.nih.gov/api/v1"
  },
  "size_t": 200,
  "size_x": 80,
  "size_y": 80,
  "size_z": 37,
  "snr": 5.125395850700756,
  "spacing_tr": 2.0,
  "spacing_x": 3.0,
  "spacing_y": 3.0,
  "spacing_z": 3.299999952316284,
  "summary_bg_k": 135.88589430276025,
  "summary_bg_mad": 57.77149315047794,
  "summary_bg_mean": 452.00579833984375,
  "summary_bg_median": 54.846439361572266,
  "summary_bg_n": 165125.0,
  "summary_bg_p05": 5.542827510833741,
  "summary_bg_p95": 2340.890576171874,
  "summary_bg_stdv": 1517.700927734375,
  "summary_fg_k": 1.3042694503265961,
  "summary_fg_mad": 4114.654064618019,
  "summary_fg_mean": 23929.556640625,
  "summary_fg_median": 23365.61328125,
  "summary_fg_n": 31566.0,
  "summary_fg_p05": 17316.22802734375,
  "summary_fg_p95": 31992.4072265625,
  "summary_fg_stdv": 4558.7197265625,
  "tsnr": 61.50367736816406
}