{
  "aor": 0.0007666500000000001,
  "aqi": 0.0047759744500000005,
  "bids_meta": {
    "AcquisitionNumber": 9,
    "BidsifyVersion": "0.3.5",
    "ConversionSoftware": "dcm2niix",
    "ConversionSoftwareVersion": "v1.0.20181125  GCC6.3.0",
    "EchoTime": 0.02762,
    "EffectiveEchoSpacing": 0.0006621159151938905,
    "ImageComments": "piop",
    "ImageOrientationPatientDICOM": [
      0.996386,
      0.0220178,
      -0.0820386,
      -0.0506491,
      0.929342,
      -0.365729
    ],
    "Manufacturer": "Philips",
    "NumberOfVolumesDiscardedByScanner": 2,
    "ParallelAcquisitionTechnique": "SENSE",
    "ParallelReductionFactorInPlane": 2,
    "PatientPosition": "HFS",
    "PhaseEncodingDirection": "j",
    "PhilipsRescaleIntercept": 0,
    "PhilipsRescaleSlope": 0.7956,
    "PhilipsScaleSlope": 0.0557939,
    "ProtocolName": "WIPpiopanticipatieSENSE",
    "PulseSequenceType": "gradient echo EPI",
    "ReconMatrixPE": 80,
    "RepetitionTime": 2,
    "SeriesDescription": "ImageMRSERIES",
    "SeriesNumber": 9,
    "SliceEncodingDirection": "k",
    "SliceTiming": [
      0.0,
      0.0541,
      0.1081,
      0.1622,
      0.2162,
      0.2703,
      0.3243,
      0.3784,
      0.4324,
      0.4865,
      0.5405,
      0.5946,
      0.6486,
      0.7027,
      0.7568,
      0.8108,
      0.8649,
      0.9189,
      0.973,
      1.027,
      1.0811,
      1.1351,
      1.1892,
      1.2432,
      1.2973,
      1.3514,
      1.4054,
      1.4595,
      1.5135,
      1.5676,
      1.6216,
      1.6757,
      1.7297,
      1.7838,
      1.8378,
      1.8919,
      1.9459
    ],
    "TaskName": "anticipation",
    "TotalReadoutTime": 0.025822520692561732,
    "UsePhilipsFloatNotDisplayScaling": 1,
    "acq_id": "seq",
    "dataset": "ds002785",
    "modality": "bold",
    "subject_id": "0136",
    "task_id": "anticipation"
  },
  "dummy_trs": 0,
  "dvars_nstd": 19.4325506360804,
  "dvars_std": 1.171828633316582,
  "dvars_vstd": 0.9956808835175875,
  "efc": 0.3991713959276547,
  "fber": 155086.71875,
  "fd_mean": 0.11806243281335263,
  "fd_num": 13,
  "fd_perc": 6.5,
  "fwhm_avg": 1.7478885939770634,
  "fwhm_x": 1.6920733333333333,
  "fwhm_y": 1.8660500000000002,
  "fwhm_z": 1.6855424485978567,
  "gcor": 0.0190923,
  "gsr_x": -0.016150016337633133,
  "gsr_y": 0.014555690810084343,
  "provenance": {
    "md5sum": "e26ef7ea46697f3e29a65f50fcceb7e3",
    "settings": {
      "fd_thres": 0.2,
      "testing": false
    },
    "software": "mriqc",
    "version": "22.0.0rc1",
    "webapi_port": null,
    "webapi_url": "https://mriqc.nimh.nih.gov/api/v1"
  },
  "size_t": 200,
  "size_x": 80,
  "size_y": 80,
  "size_z": 37,
  "snr": 4.918240206662696,
  "spacing_tr": 2.0,
  "spacing_x": 3.0,
  "spacing_y": 3.0,
  "spacing_z": 3.299999952316284,
  "summary_bg_k": 137.6379646807424,
  "summary_bg_mad": 58.089086369966566,
  "summary_bg_mean": 449.3951416015625,
  "summary_bg_median": 59.683128356933594,
  "summary_bg_n": 164118.0,
  "summary_bg_p05": 5.024458003044129,
  "summary_bg_p95": 2203.9824707031225,
  "summary_bg_stdv": 1569.0894775390625,
  "summary_fg_k": 2.154574731744227,
  "summary_fg_mad": 4380.327984622595,
  "summary_fg_mean": 24579.443359375,
  "summary_fg_median": 23895.6328125,
  "summary_fg_n": 32505.0,
  "summary_fg_p05": 18104.198828125,
  "summary_fg_p95": 33071.174999999996,
  "summary_fg_stdv": 4858.4990234375,
  "tsnr": 81.42223358154297
}