{
  "aor": 0.0009462857142857143,
  "aqi": 0.0037258074693877555,
  "bids_meta": {
    "AcquisitionNumber": 3,
    "BidsifyVersion": "0.3.5",
    "ConversionSoftware": "dcm2niix",
    "ConversionSoftwareVersion": "v1.0.20181125  GCC6.3.0",
    "EchoTime": 0.02762,
    "EffectiveEchoSpacing": 0.0006621159151938905,
    "ImageComments": "piop",
    "ImageOrientationPatientDICOM": [
      0.996386,
      0.0220178,
      -0.0820386,
      -0.0506491,
      0.929342,
      -0.365729
    ],
    "Manufacturer": "Philips",
    "NumberOfVolumesDiscardedByScanner": 2,
    "ParallelAcquisitionTechnique": "SENSE",
    "ParallelReductionFactorInPlane": 2,
    "PatientPosition": "HFS",
    "PhaseEncodingDirection": "j",
    "PhilipsRescaleIntercept": 0,
    "PhilipsRescaleSlope": 0.81538,
    "PhilipsScaleSlope": 0.0544309,
    "ProtocolName": "WIPpiopgstroopSENSE",
    "PulseSequenceType": "gradient echo EPI",
    "ReconMatrixPE": 80,
    "RepetitionTime": 2,
    "SeriesDescription": "ImageMRSERIES",
    "SeriesNumber": 3,
    "SliceEncodingDirection": "k",
    "SliceTiming": [
      0.0,
      0.0541,
      0.1081,
      0.1622,
      0.2162,
      0.2703,
      0.3243,
      0.3784,
      0.4324,
      0.4865,
      0.5405,
      0.5946,
      0.6486,
      0.7027,
      0.7568,
      0.8108,
      0.8649,
      0.9189,
      0.973,
      1.027,
      1.0811,
      1.1351,
      1.1892,
      1.2432,
      1.2973,
      1.3514,
      1.4054,
      1.4595,
      1.5135,
      1.5676,
      1.6216,
      1.6757,
      1.7297,
      1.7838,
      1.8378,
      1.8919,
      1.9459
    ],
    "TaskName": "gstroop",
    "TotalReadoutTime": 0.025822520692561732,
    "UsePhilipsFloatNotDisplayScaling": 1,
    "acq_id": "seq",
    "dataset": "ds002785",
    "modality": "bold",
    "subject_id": "0136",
    "task_id": "gstroop"
  },
  "dummy_trs": 0,
  "dvars_nstd": 16.86851153573771,
  "dvars_std": 1.1194048449590166,
  "dvars_vstd": 1.006384306065574,
  "efc": 0.39827302608590665,
  "fber": 155383.421875,
  "fd_mean": 0.10736148204213683,
  "fd_num": 11,
  "fd_perc": 4.489795918367347,
  "fwhm_avg": 1.7170712200688047,
  "fwhm_x": 1.6627233333333333,
  "fwhm_y": 1.8384266666666667,
  "fwhm_z": 1.6500636602064143,
  "gcor": 0.0191143,
  "gsr_x": -0.015986056998372078,
  "gsr_y": 0.012871946208178997,
  "provenance": {
    "md5sum": "da53be32f51f9ccc174ffb2ab16dfd48",
    "settings": {
      "fd_thres": 0.2,
      "testing": false
    },
    "software": "mriqc",
    "version": "22.0.0rc1",
    "webapi_port": null,
    "webapi_url": "https://mriqc.nimh.nih.gov/api/v1"
  },
  "size_t": 245,
  "size_x": 80,
  "size_y": 80,
  "size_z": 37,
  "snr": 4.993275379225436,
  "spacing_tr": 2.0,
  "spacing_x": 3.0,
  "spacing_y": 3.0,
  "spacing_z": 3.299999952316284,
  "summary_bg_k": 152.06749450016414,
  "summary_bg_mad": 56.760837518682415,
  "summary_bg_mean": 429.5912170410156,
  "summary_bg_median": 58.72925567626953,
  "summary_bg_n": 164099.0,
  "summary_bg_p05": 4.799381875991821,
  "summary_bg_p95": 2056.340625000001,
  "summary_bg_stdv": 1529.9033203125,
  "summary_fg_k": 2.499143974477109,
  "summary_fg_mad": 4197.081825264252,
  "summary_fg_mean": 24264.62890625,
  "summary_fg_median": 23580.40625,
  "summary_fg_n": 32479.0,
  "summary_fg_p05": 18094.287890625,
  "summary_fg_p95": 32482.847851562496,
  "summary_fg_stdv": 4722.35986328125,
  "tsnr": 87.5600357055664
}