{
  "aor": 0.0015141481481481484,
  "aqi": 0.0029502221481481476,
  "bids_meta": {
    "AcquisitionNumber": 5,
    "BidsifyVersion": "0.3.5",
    "ConversionSoftware": "dcm2niix",
    "ConversionSoftwareVersion": "v1.0.20181125  GCC6.3.0",
    "EchoTime": 0.02762,
    "EffectiveEchoSpacing": 0.0006621159151938905,
    "ImageComments": "piop",
    "ImageOrientationPatientDICOM": [
      0.996386,
      0.0220178,
      -0.0820386,
      -0.0506491,
      0.929342,
      -0.365729
    ],
    "Manufacturer": "Philips",
    "NumberOfVolumesDiscardedByScanner": 2,
    "ParallelAcquisitionTechnique": "SENSE",
    "ParallelReductionFactorInPlane": 2,
    "PatientPosition": "HFS",
    "PhaseEncodingDirection": "j",
    "PhilipsRescaleIntercept": 0,
    "PhilipsRescaleSlope": 0.82076,
    "PhilipsScaleSlope": 0.0539491,
    "ProtocolName": "WIPpiopharririSENSE",
    "PulseSequenceType": "gradient echo EPI",
    "ReconMatrixPE": 80,
    "RepetitionTime": 2,
    "SeriesDescription": "ImageMRSERIES",
    "SeriesNumber": 5,
    "SliceEncodingDirection": "k",
    "SliceTiming": [
      0.0,
      0.0541,
      0.1081,
      0.1622,
      0.2162,
      0.2703,
      0.3243,
      0.3784,
      0.4324,
      0.4865,
      0.5405,
      0.5946,
      0.6486,
      0.7027,
      0.7568,
      0.8108,
      0.8649,
      0.9189,
      0.973,
      1.027,
      1.0811,
      1.1351,
      1.1892,
      1.2432,
      1.2973,
      1.3514,
      1.4054,
      1.4595,
      1.5135,
      1.5676,
      1.6216,
      1.6757,
      1.7297,
      1.7838,
      1.8378,
      1.8919,
      1.9459
    ],
    "TaskName": "emomatching",
    "TotalReadoutTime": 0.025822520692561732,
    "UsePhilipsFloatNotDisplayScaling": 1,
    "acq_id": "seq",
    "dataset": "ds002785",
    "modality": "bold",
    "subject_id": "0136",
    "task_id": "emomatching"
  },
  "dummy_trs": 0,
  "dvars_nstd": 17.2464286961194,
  "dvars_std": 1.1543628150746266,
  "dvars_vstd": 1.0169832202238809,
  "efc": 0.3980909925740402,
  "fber": 158754.328125,
  "fd_mean": 0.10540429297308039,
  "fd_num": 6,
  "fd_perc": 4.444444444444445,
  "fwhm_avg": 1.755983038450407,
  "fwhm_x": 1.6972166666666666,
  "fwhm_y": 1.8791900000000001,
  "fwhm_z": 1.6915424486845543,
  "gcor": 0.0258101,
  "gsr_x": -0.01590469293296337,
  "gsr_y": 0.013124784454703331,
  "provenance": {
    "md5sum": "51883eb781ab547a3e14f6ca0e471a30",
    "settings": {
      "fd_thres": 0.2,
      "testing": false
    },
    "software": "mriqc",
    "version": "22.0.0rc1",
    "webapi_port": null,
    "webapi_url": "https://mriqc.nimh.nih.gov/api/v1"
  },
  "size_t": 135,
  "size_x": 80,
  "size_y": 80,
  "size_z": 37,
  "snr": 4.8778097874113096,
  "spacing_tr": 2.0,
  "spacing_x": 3.0,
  "spacing_y": 3.0,
  "spacing_z": 3.299999952316284,
  "summary_bg_k": 133.35149809814936,
  "summary_bg_mad": 58.24743264630005,
  "summary_bg_mean": 441.6329345703125,
  "summary_bg_median": 59.513038635253906,
  "summary_bg_n": 164219.0,
  "summary_bg_p05": 4.2801202774047855,
  "summary_bg_p95": 2162.607739257813,
  "summary_bg_stdv": 1534.11767578125,
  "summary_fg_k": 2.070005130869111,
  "summary_fg_mad": 4465.6919926312585,
  "summary_fg_mean": 24795.2578125,
  "summary_fg_median": 24094.669921875,
  "summary_fg_n": 32454.0,
  "summary_fg_p05": 18184.1689453125,
  "summary_fg_p95": 33364.4052734375,
  "summary_fg_stdv": 4939.5732421875,
  "tsnr": 94.49132537841797
}