{
  "aor": 0.0004152887537993921,
  "aqi": 0.005920102006079028,
  "bids_meta": {
    "AcquisitionNumber": 2,
    "BidsifyVersion": "0.3.5",
    "ConversionSoftware": "dcm2niix",
    "ConversionSoftwareVersion": "v1.0.20181125  GCC6.3.0",
    "EchoTime": 0.02762,
    "EffectiveEchoSpacing": 0.0006333282667071997,
    "ImageComments": "piop",
    "ImageOrientationPatientDICOM": [
      0.996384,
      0.0250074,
      -0.0812033,
      -0.0492543,
      0.948743,
      -0.312186
    ],
    "Manufacturer": "Philips",
    "NumberOfVolumesDiscardedByScanner": 2,
    "ParallelAcquisitionTechnique": "SENSE",
    "ParallelReductionFactorInPlane": 2,
    "PatientPosition": "HFS",
    "PhaseEncodingDirection": "j",
    "PhilipsRescaleIntercept": 0,
    "PhilipsRescaleSlope": 0.77973,
    "PhilipsScaleSlope": 0.0974284,
    "ProtocolName": "WIPpiopfacesSENSE",
    "PulseSequenceType": "gradient echo EPI",
    "ReconMatrixPE": 80,
    "RepetitionTime": 0.75,
    "SeriesDescription": "ImageMRSERIES",
    "SeriesNumber": 2,
    "SliceEncodingDirection": "k",
    "SliceTiming": [
      0.0,
      0.06755050505050506,
      0.1351010101010101,
      0.20265151515151517,
      0.2702020202020202,
      0.3377525252525253,
      0.40530303030303033,
      0.47285353535353536,
      0.5404040404040404,
      0.6079545454545455,
      0.6755050505050506,
      0.7430555555555556,
      0.0,
      0.06755050505050506,
      0.1351010101010101,
      0.20265151515151517,
      0.2702020202020202,
      0.3377525252525253,
      0.40530303030303033,
      0.47285353535353536,
      0.5404040404040404,
      0.6079545454545455,
      0.6755050505050506,
      0.7430555555555556,
      0.0,
      0.06755050505050506,
      0.1351010101010101,
      0.20265151515151517,
      0.2702020202020202,
      0.3377525252525253,
      0.40530303030303033,
      0.47285353535353536,
      0.5404040404040404,
      0.6079545454545455,
      0.6755050505050506,
      0.7430555555555556
    ],
    "TaskName": "faces",
    "TotalReadoutTime": 0.024699802401580786,
    "UsePhilipsFloatNotDisplayScaling": 1,
    "acq_id": "mb3",
    "dataset": "ds002785",
    "modality": "bold",
    "subject_id": "0136",
    "task_id": "faces"
  },
  "dummy_trs": 1,
  "dvars_nstd": 26.952352738841455,
  "dvars_std": 1.1513899834146344,
  "dvars_vstd": 1.0043582607926824,
  "efc": 0.40574189677527894,
  "fber": 160265.6875,
  "fd_mean": 0.09356938865052133,
  "fd_num": 7,
  "fd_perc": 2.127659574468085,
  "fwhm_avg": 1.842655362002855,
  "fwhm_x": 1.7967533333333332,
  "fwhm_y": 1.9732066666666668,
  "fwhm_z": 1.7580060860085645,
  "gcor": 0.0101499,
  "gsr_x": -0.01800820417702198,
  "gsr_y": 0.008429042994976044,
  "provenance": {
    "md5sum": "ea4ed6eb9af4d9c438f8037dcc24d92b",
    "settings": {
      "fd_thres": 0.2,
      "testing": false
    },
    "software": "mriqc",
    "version": "22.0.0rc1",
    "webapi_port": null,
    "webapi_url": "https://mriqc.nimh.nih.gov/api/v1"
  },
  "size_t": 329,
  "size_x": 80,
  "size_y": 80,
  "size_z": 36,
  "snr": 5.964416058977314,
  "spacing_tr": 0.75,
  "spacing_x": 3.0,
  "spacing_y": 3.0,
  "spacing_z": 3.299999952316284,
  "summary_bg_k": 84.77671072715286,
  "summary_bg_mad": 41.52729328913843,
  "summary_bg_mean": 314.1340637207031,
  "summary_bg_median": 40.48043441772461,
  "summary_bg_n": 159110.0,
  "summary_bg_p05": 3.364251661300659,
  "summary_bg_p95": 1499.4005249023428,
  "summary_bg_stdv": 1000.0349731445312,
  "summary_fg_k": 0.525089554150798,
  "summary_fg_mad": 2708.314645580528,
  "summary_fg_mean": 16632.328125,
  "summary_fg_median": 16495.38671875,
  "summary_fg_n": 31759.0,
  "summary_fg_p05": 12402.165625,
  "summary_fg_p95": 21306.05234375,
  "summary_fg_stdv": 2765.589599609375,
  "tsnr": 60.84224319458008
}