{
  "aor": 0.0007161795407098122,
  "aqi": 0.00793122139874739,
  "bids_meta": {
    "AcquisitionNumber": 6,
    "BidsifyVersion": "0.3.5",
    "ConversionSoftware": "dcm2niix",
    "ConversionSoftwareVersion": "v1.0.20181125  GCC6.3.0",
    "EchoTime": 0.02762,
    "EffectiveEchoSpacing": 0.0006333282667071997,
    "ImageComments": "piop",
    "ImageOrientationPatientDICOM": [
      0.996384,
      0.0250074,
      -0.0812033,
      -0.0492543,
      0.948743,
      -0.312186
    ],
    "Manufacturer": "Philips",
    "NumberOfVolumesDiscardedByScanner": 2,
    "ParallelAcquisitionTechnique": "SENSE",
    "ParallelReductionFactorInPlane": 2,
    "PatientPosition": "HFS",
    "PhaseEncodingDirection": "j",
    "PhilipsRescaleIntercept": 0,
    "PhilipsRescaleSlope": 0.78462,
    "PhilipsScaleSlope": 0.0964464,
    "ProtocolName": "WIPpioprsSENSE",
    "PulseSequenceType": "gradient echo EPI",
    "ReconMatrixPE": 80,
    "RepetitionTime": 0.75,
    "SeriesDescription": "ImageMRSERIES",
    "SeriesNumber": 6,
    "SliceEncodingDirection": "k",
    "SliceTiming": [
      0.0,
      0.06755050505050506,
      0.1351010101010101,
      0.20265151515151517,
      0.2702020202020202,
      0.3377525252525253,
      0.40530303030303033,
      0.47285353535353536,
      0.5404040404040404,
      0.6079545454545455,
      0.6755050505050506,
      0.7430555555555556,
      0.0,
      0.06755050505050506,
      0.1351010101010101,
      0.20265151515151517,
      0.2702020202020202,
      0.3377525252525253,
      0.40530303030303033,
      0.47285353535353536,
      0.5404040404040404,
      0.6079545454545455,
      0.6755050505050506,
      0.7430555555555556,
      0.0,
      0.06755050505050506,
      0.1351010101010101,
      0.20265151515151517,
      0.2702020202020202,
      0.3377525252525253,
      0.40530303030303033,
      0.47285353535353536,
      0.5404040404040404,
      0.6079545454545455,
      0.6755050505050506,
      0.7430555555555556
    ],
    "TaskName": "restingstate",
    "TotalReadoutTime": 0.024699802401580786,
    "UsePhilipsFloatNotDisplayScaling": 1,
    "acq_id": "mb3",
    "dataset": "ds002785",
    "modality": "bold",
    "subject_id": "0136",
    "task_id": "restingstate"
  },
  "dummy_trs": 1,
  "dvars_nstd": 26.880872419163172,
  "dvars_std": 1.141304512364016,
  "dvars_vstd": 1.0083934181799168,
  "efc": 0.40766063940357217,
  "fber": 152203.015625,
  "fd_mean": 0.10500356478292143,
  "fd_num": 29,
  "fd_perc": 6.054279749478079,
  "fwhm_avg": 1.8191234427423364,
  "fwhm_x": 1.7655633333333334,
  "fwhm_y": 1.9480433333333333,
  "fwhm_z": 1.7437636615603427,
  "gcor": 0.0254349,
  "gsr_x": -0.017937414348125458,
  "gsr_y": 0.010458119213581085,
  "provenance": {
    "md5sum": "733f063556979f61e5d5bd6f4f4cbb9e",
    "settings": {
      "fd_thres": 0.2,
      "testing": false
    },
    "software": "mriqc",
    "version": "22.0.0rc1",
    "webapi_port": null,
    "webapi_url": "https://mriqc.nimh.nih.gov/api/v1"
  },
  "size_t": 479,
  "size_x": 80,
  "size_y": 80,
  "size_z": 36,
  "snr": 6.19179598731389,
  "spacing_tr": 0.75,
  "spacing_x": 3.0,
  "spacing_y": 3.0,
  "spacing_z": 3.299999952316284,
  "summary_bg_k": 91.75541285625921,
  "summary_bg_mad": 43.24904305062957,
  "summary_bg_mean": 322.72589111328125,
  "summary_bg_median": 41.1446647644043,
  "summary_bg_n": 158932.0,
  "summary_bg_p05": 3.3200845956802367,
  "summary_bg_p95": 1566.1343078613272,
  "summary_bg_stdv": 1033.4951171875,
  "summary_fg_k": 0.5939733508567477,
  "summary_fg_mad": 2564.3009787171522,
  "summary_fg_mean": 16437.578125,
  "summary_fg_median": 16300.55859375,
  "summary_fg_n": 31954.0,
  "summary_fg_p05": 12404.8662109375,
  "summary_fg_p95": 20872.16689453125,
  "summary_fg_stdv": 2632.564697265625,
  "tsnr": 54.57537841796875
}