{
  "bids_meta": {
    "AcquisitionNumber": 4,
    "BidsifyVersion": "0.3.5",
    "ConversionSoftware": "dcm2niix",
    "ConversionSoftwareVersion": "v1.0.20181125  GCC6.3.0",
    "EchoTime": 0.00376,
    "ImageComments": "PIOP",
    "ImageOrientationPatientDICOM": [
      0.996571,
      0.0688341,
      -0.0459098,
      -0.0707358,
      0.996645,
      -0.0411697
    ],
    "Manufacturer": "Philips",
    "PatientPosition": "HFS",
    "PhilipsRescaleIntercept": 0,
    "PhilipsRescaleSlope": 9.337,
    "PhilipsScaleSlope": 0.00741837,
    "ProtocolName": "WIPt13dSENSE",
    "ReconMatrixPE": 240,
    "RepetitionTime": 0.008194,
    "SeriesDescription": "ImageMRSERIES",
    "SeriesNumber": 4,
    "UsePhilipsFloatNotDisplayScaling": 1,
    "dataset": "ds002785",
    "modality": "T1w",
    "subject_id": "0108"
  },
  "cjv": 0.29508409704240735,
  "cnr": 4.218316817349429,
  "efc": 0.7773784944560717,
  "fber": 1114.2808837890625,
  "fwhm_avg": 3.801046738502785,
  "fwhm_x": 3.7257,
  "fwhm_y": 4.06181,
  "fwhm_z": 3.6156302155083546,
  "icvs_csf": 0.23720183864081146,
  "icvs_gm": 0.40715971498376213,
  "icvs_wm": 0.3556384463754264,
  "inu_med": 1.57570481300354,
  "inu_range": 0.5191101372241971,
  "provenance": {
    "md5sum": "5949266c82fed72b5ecf39452647a7b8",
    "settings": {
      "testing": false
    },
    "software": "mriqc",
    "version": "22.0.0rc1",
    "warnings": {
      "large_rot_frame": true,
      "small_air_mask": true
    },
    "webapi_port": null,
    "webapi_url": "https://mriqc.nimh.nih.gov/api/v1"
  },
  "qi_1": 0.0,
  "qi_2": 0.0004151008246756823,
  "rpve_csf": 21.124281616459875,
  "rpve_gm": 12.570187131375407,
  "rpve_wm": 18.624921809725908,
  "size_x": 240,
  "size_y": 240,
  "size_z": 220,
  "snr_csf": 2.926381934012513,
  "snr_gm": 7.624565590842981,
  "snr_total": 10.238641918760147,
  "snr_wm": 20.164978231424946,
  "snrd_csf": 19.875231162475185,
  "snrd_gm": 36.83853610836754,
  "snrd_total": 39.26753192266941,
  "snrd_wm": 61.08882849716553,
  "spacing_x": 1.0,
  "spacing_y": 1.0,
  "spacing_z": 0.9999999403953552,
  "summary_bg_k": 141.69351898908945,
  "summary_bg_mad": 10.724317257596773,
  "summary_bg_mean": 14.676239967346191,
  "summary_bg_median": 14.461118698120117,
  "summary_bg_n": 183574.0,
  "summary_bg_p05": 0.0,
  "summary_bg_p95": 36.24393100738526,
  "summary_bg_stdv": 11.899002075195312,
  "summary_csf_k": 0.2314470237879318,
  "summary_csf_mad": 111.02460243182848,
  "summary_csf_mean": 314.8791809082031,
  "summary_csf_median": 325.3494873046875,
  "summary_csf_n": 9358.0,
  "summary_csf_p05": 112.51137886047364,
  "summary_csf_p95": 474.2835937499999,
  "summary_csf_stdv": 111.17212677001953,
  "summary_gm_k": 0.43433086220075134,
  "summary_gm_mad": 73.54318721988292,
  "summary_gm_mean": 606.8139038085938,
  "summary_gm_median": 603.0319213867188,
  "summary_gm_n": 21514.0,
  "summary_gm_p05": 483.0345687866211,
  "summary_gm_p95": 746.0776885986328,
  "summary_gm_stdv": 79.08882141113281,
  "summary_wm_k": 1.461821994190081,
  "summary_wm_mad": 43.595599707336845,
  "summary_wm_mean": 996.2196044921875,
  "summary_wm_median": 999.9993896484375,
  "summary_wm_n": 228003.0,
  "summary_wm_p05": 908.7202880859375,
  "summary_wm_p95": 1069.2904052734375,
  "summary_wm_stdv": 49.590789794921875,
  "tpm_overlap_csf": 0.142295703291893,
  "tpm_overlap_gm": 0.4310964345932007,
  "tpm_overlap_wm": 0.4913221597671509,
  "wm2max": 0.7145581564467265
}